{
  "aor": 0.0014196984924623114,
  "aqi": 0.005626538592964825,
  "bids_meta": {
    "AcquisitionMatrixPE": 64,
    "AcquisitionNumber": 1,
    "AcquisitionTime": "15:48:10.000000",
    "BodyPartExamined": "BRAIN",
    "CoilString": "32Ch Head",
    "ConversionSoftware": "dcm2niix",
    "ConversionSoftwareVersion": "v1.0.20211006",
    "Dcm2bidsVersion": "2.1.6",
    "DeviceSerialNumber": "000301496MR3T6MR",
    "EchoTime": 0.0169,
    "EffectiveEchoSpacing": 0.000416,
    "FlipAngle": 90,
    "ImageOrientationPatientDICOM": [
      1,
      0,
      0,
      0,
      1,
      0
    ],
    "ImageType": [
      "ORIGINAL",
      "PRIMARY",
      "OTHER"
    ],
    "ImagingFrequency": 127.696,
    "InPlanePhaseEncodingDirectionDICOM": "COL",
    "InstitutionName": "NIH FMRIF",
    "InternalPulseSequenceName": "EPI",
    "MRAcquisitionType": "2D",
    "MagneticFieldStrength": 3,
    "Manufacturer": "GE",
    "ManufacturersModelName": "DISCOVERY MR750",
    "Modality": "MR",
    "PatientPosition": "HFS",
    "PercentPhaseFOV": 100,
    "PercentSampling": 100,
    "PhaseEncodingDirection": "j",
    "PhaseEncodingPolarityGE": "Flipped",
    "PixelBandwidth": 7812.5,
    "ProcedureStepDescription": "MRI Brain",
    "ProtocolName": "ADNI3 FMRIF Enhanced Pro",
    "PulseSequenceName": "epi",
    "ReconMatrixPE": 64,
    "RepetitionTime": 3,
    "SAR": 0.147955,
    "ScanOptions": "MP_GEMS\\EPI_GEMS\\PFF",
    "ScanningSequence": "EP\\GR",
    "SequenceVariant": "SS",
    "SeriesDescription": "Axial rsfMRI with Eyes Open - RKV",
    "SeriesNumber": 10,
    "SliceThickness": 3.4,
    "SliceTiming": [
      0,
      1.5,
      0.0625,
      1.5625,
      0.125,
      1.625,
      0.1875,
      1.6875,
      0.25,
      1.75,
      0.3125,
      1.8125,
      0.375,
      1.875,
      0.4375,
      1.9375,
      0.5,
      2,
      0.5625,
      2.0625,
      0.625,
      2.125,
      0.6875,
      2.1875,
      0.75,
      2.25,
      0.8125,
      2.3125,
      0.875,
      2.375,
      0.9375,
      2.4375,
      1,
      2.5,
      1.0625,
      2.5625,
      1.125,
      2.625,
      1.1875,
      2.6875,
      1.25,
      2.75,
      1.3125,
      2.8125,
      1.375,
      2.875,
      1.4375,
      2.9375
    ],
    "SoftwareVersions": "27\\LX\\MR Software release:DV26.0_R03_1831.b",
    "SpacingBetweenSlices": 3.4,
    "StationName": "FMRI3tb",
    "TaskName": "Resting state with eyes open.",
    "TotalReadoutTime": 0.026208,
    "TriggerDelayTime": 599938,
    "dataset": "ds004215",
    "modality": "bold",
    "session_id": "01",
    "subject_id": "ON07392",
    "task_id": "rest"
  },
  "dummy_trs": 1,
  "dvars_nstd": 10.009023731616162,
  "dvars_std": 1.1302544776767676,
  "dvars_vstd": 0.9462448701515151,
  "efc": 0.4441716315378188,
  "fber": 5300.9462890625,
  "fd_mean": 0.052903632835363944,
  "fd_num": 2,
  "fd_perc": 1.0050251256281406,
  "fwhm_avg": 2.568318764033201,
  "fwhm_x": 2.486050909090909,
  "fwhm_y": 2.4380654545454545,
  "fwhm_z": 2.7808399284632386,
  "gcor": 0.0163912,
  "gsr_x": -0.013378786854445934,
  "gsr_y": 0.042522408068180084,
  "provenance": {
    "md5sum": "007a858ef5c93fc21fb2802c4b3dccee",
    "settings": {
      "fd_thres": 0.2,
      "testing": false
    },
    "software": "mriqc",
    "version": "22.0.6",
    "webapi_port": null,
    "webapi_url": "https://mriqc.nimh.nih.gov/api/v1"
  },
  "size_t": 199,
  "size_x": 64,
  "size_y": 64,
  "size_z": 48,
  "snr": 4.43416898551757,
  "spacing_tr": 3.0,
  "spacing_x": 3.4375,
  "spacing_y": 3.4375,
  "spacing_z": 3.4000015258789062,
  "summary_bg_k": 34.612161075060705,
  "summary_bg_mad": 7.9494295877687255,
  "summary_bg_mean": 114.83059692382812,
  "summary_bg_median": 31.97487449645996,
  "summary_bg_n": 137448.0,
  "summary_bg_p05": 23.6902006149292,
  "summary_bg_p95": 579.4515167236325,
  "summary_bg_stdv": 237.4548797607422,
  "summary_fg_k": 1.352968807287179,
  "summary_fg_mad": 474.42899979661206,
  "summary_fg_mean": 2379.15966796875,
  "summary_fg_median": 2320.263671875,
  "summary_fg_n": 23664.0,
  "summary_fg_p05": 1611.6961669921875,
  "summary_fg_p95": 3292.3746826171873,
  "summary_fg_stdv": 523.258056640625,
  "tsnr": 120.86799140553921
}