{
  "aor": 0.03529777777777778,
  "aqi": 0.0011725624444444442,
  "bids_meta": {
    "AcquisitionMatrixPE": 64,
    "AcquisitionNumber": 1,
    "AcquisitionTime": "15:58:52.000000",
    "BodyPartExamined": "BRAIN",
    "CoilString": "32Ch Head",
    "ConversionSoftware": "dcm2niix",
    "ConversionSoftwareVersion": "v1.0.20211006",
    "Dcm2bidsVersion": "2.1.6",
    "DeviceSerialNumber": "000301496MR3T6MR",
    "EchoTime": 0.0169,
    "EffectiveEchoSpacing": 0.000416,
    "FlipAngle": 90,
    "ImageOrientationPatientDICOM": [
      1,
      0,
      0,
      0,
      1,
      0
    ],
    "ImageType": [
      "ORIGINAL",
      "PRIMARY",
      "OTHER"
    ],
    "ImagingFrequency": 127.696,
    "InPlanePhaseEncodingDirectionDICOM": "COL",
    "InstitutionName": "NIH FMRIF",
    "InternalPulseSequenceName": "EPI",
    "MRAcquisitionType": "2D",
    "MagneticFieldStrength": 3,
    "Manufacturer": "GE",
    "ManufacturersModelName": "DISCOVERY MR750",
    "Modality": "MR",
    "PatientPosition": "HFS",
    "PercentPhaseFOV": 100,
    "PercentSampling": 100,
    "PhaseEncodingDirection": "j-",
    "PhaseEncodingPolarityGE": "Unflipped",
    "PixelBandwidth": 7812.5,
    "ProcedureStepDescription": "MRI Brain",
    "ProtocolName": "ADNI3 FMRIF Enhanced Pro",
    "PulseSequenceName": "epi",
    "ReconMatrixPE": 64,
    "RepetitionTime": 3,
    "SAR": 0.148875,
    "ScanOptions": "MP_GEMS\\EPI_GEMS\\PFF",
    "ScanningSequence": "EP\\GR",
    "SequenceVariant": "SS",
    "SeriesDescription": "Axial rsfMRI reverse blip - RKV",
    "SeriesNumber": 11,
    "SliceThickness": 3.4,
    "SliceTiming": [
      0,
      1.5,
      0.0625,
      1.5625,
      0.125,
      1.625,
      0.1875,
      1.6875,
      0.25,
      1.75,
      0.3125,
      1.8125,
      0.375,
      1.875,
      0.4375,
      1.9375,
      0.5,
      2,
      0.5625,
      2.0625,
      0.625,
      2.125,
      0.6875,
      2.1875,
      0.75,
      2.25,
      0.8125,
      2.3125,
      0.875,
      2.375,
      0.9375,
      2.4375,
      1,
      2.5,
      1.0625,
      2.5625,
      1.125,
      2.625,
      1.1875,
      2.6875,
      1.25,
      2.75,
      1.3125,
      2.8125,
      1.375,
      2.875,
      1.4375,
      2.9375
    ],
    "SoftwareVersions": "27\\LX\\MR Software release:DV26.0_R03_1831.b",
    "SpacingBetweenSlices": 3.4,
    "StationName": "FMRI3tb",
    "TaskName": "Resting state with reverse blip.",
    "TotalReadoutTime": 0.026208,
    "TriggerDelayTime": 29938,
    "dataset": "ds004215",
    "modality": "bold",
    "session_id": "01",
    "subject_id": "ON07392",
    "task_id": "rest"
  },
  "dummy_trs": 1,
  "dvars_nstd": 12.9394016275,
  "dvars_std": 1.6318626699999998,
  "dvars_vstd": 1.3670817025,
  "efc": 0.445720365084486,
  "fber": 5589.85595703125,
  "fd_mean": 0.0359934226902389,
  "fd_num": 0,
  "fd_perc": 0.0,
  "fwhm_avg": 2.350136372708675,
  "fwhm_x": 2.2572916363636364,
  "fwhm_y": 2.327648,
  "fwhm_z": 2.4654694817623892,
  "gcor": 0.0208559,
  "gsr_x": -0.011402251198887825,
  "gsr_y": 0.039084672927856445,
  "provenance": {
    "md5sum": "f96a18194b3e18a8fcdbd207633a64bc",
    "settings": {
      "fd_thres": 0.2,
      "testing": false
    },
    "software": "mriqc",
    "version": "22.0.6",
    "webapi_port": null,
    "webapi_url": "https://mriqc.nimh.nih.gov/api/v1"
  },
  "size_t": 9,
  "size_x": 64,
  "size_y": 64,
  "size_z": 48,
  "snr": 5.480387345210049,
  "spacing_tr": 3.0,
  "spacing_x": 3.4375,
  "spacing_y": 3.4375,
  "spacing_z": 3.4000015258789062,
  "summary_bg_k": 29.569149823501924,
  "summary_bg_mad": 7.083545189677571,
  "summary_bg_mean": 109.00687408447266,
  "summary_bg_median": 31.33333396911621,
  "summary_bg_n": 136941.0,
  "summary_bg_p05": 24.11111068725586,
  "summary_bg_p95": 551.7777709960938,
  "summary_bg_stdv": 221.15252685546875,
  "summary_fg_k": 0.5544766650184498,
  "summary_fg_mad": 400.4676543216196,
  "summary_fg_mean": 2398.275146484375,
  "summary_fg_median": 2356.444580078125,
  "summary_fg_n": 23746.0,
  "summary_fg_p05": 1736.111083984375,
  "summary_fg_p95": 3154.888916015625,
  "summary_fg_stdv": 429.96868896484375,
  "tsnr": 214.88510521128774
}