{
  "aor": 0.03421888888888889,
  "aqi": 0.0016417716666666667,
  "bids_meta": {
    "AcquisitionMatrixPE": 64,
    "AcquisitionNumber": 1,
    "AcquisitionTime": "16:06:54.000000",
    "BodyPartExamined": "BRAIN",
    "CoilString": "32Ch Head",
    "ConversionSoftware": "dcm2niix",
    "ConversionSoftwareVersion": "v1.0.20211006",
    "Dcm2bidsVersion": "2.1.6",
    "DeviceSerialNumber": "000301496MR3T6MR",
    "EchoTime": 0.0169,
    "EffectiveEchoSpacing": 0.000416,
    "FlipAngle": 90,
    "ImageOrientationPatientDICOM": [
      1,
      0,
      0,
      0,
      1,
      0
    ],
    "ImageType": [
      "ORIGINAL",
      "PRIMARY",
      "OTHER"
    ],
    "ImagingFrequency": 127.697,
    "InPlanePhaseEncodingDirectionDICOM": "COL",
    "InstitutionName": "NIH FMRIF",
    "InternalPulseSequenceName": "EPI",
    "MRAcquisitionType": "2D",
    "MagneticFieldStrength": 3,
    "Manufacturer": "GE",
    "ManufacturersModelName": "DISCOVERY MR750",
    "Modality": "MR",
    "PatientPosition": "HFS",
    "PercentPhaseFOV": 100,
    "PercentSampling": 100,
    "PhaseEncodingDirection": "j-",
    "PhaseEncodingPolarityGE": "Unflipped",
    "PixelBandwidth": 7812.5,
    "ProcedureStepDescription": "MRI Brain",
    "ProtocolName": "ADNI3 FMRIF Enhanced Pro",
    "PulseSequenceName": "epi",
    "ReconMatrixPE": 64,
    "RepetitionTime": 3,
    "SAR": 0.149392,
    "ScanOptions": "MP_GEMS\\EPI_GEMS\\PFF",
    "ScanningSequence": "EP\\GR",
    "SequenceVariant": "SS",
    "SeriesDescription": "Axial rsfMRI reverse blip - RKV",
    "SeriesNumber": 11,
    "SliceThickness": 3.4,
    "SliceTiming": [
      0,
      1.5,
      0.0625,
      1.5625,
      0.125,
      1.625,
      0.1875,
      1.6875,
      0.25,
      1.75,
      0.3125,
      1.8125,
      0.375,
      1.875,
      0.4375,
      1.9375,
      0.5,
      2,
      0.5625,
      2.0625,
      0.625,
      2.125,
      0.6875,
      2.1875,
      0.75,
      2.25,
      0.8125,
      2.3125,
      0.875,
      2.375,
      0.9375,
      2.4375,
      1,
      2.5,
      1.0625,
      2.5625,
      1.125,
      2.625,
      1.1875,
      2.6875,
      1.25,
      2.75,
      1.3125,
      2.8125,
      1.375,
      2.875,
      1.4375,
      2.9375
    ],
    "SoftwareVersions": "27\\LX\\MR Software release:DV26.0_R01_1725.a",
    "SpacingBetweenSlices": 3.4,
    "StationName": "fmrif3tb",
    "TaskName": "Resting state with reverse blip.",
    "TotalReadoutTime": 0.026208,
    "TriggerDelayTime": 29938,
    "dataset": "ds004215",
    "modality": "bold",
    "session_id": "01",
    "subject_id": "ON93426",
    "task_id": "rest"
  },
  "dummy_trs": 1,
  "dvars_nstd": 13.971656799999998,
  "dvars_std": 1.4167139675,
  "dvars_vstd": 1.39064818625,
  "efc": 0.471149725198074,
  "fber": 4864.9501953125,
  "fd_mean": 0.1228918836818384,
  "fd_num": 1,
  "fd_perc": 11.11111111111111,
  "fwhm_avg": 2.59435223268173,
  "fwhm_x": 2.493841454545455,
  "fwhm_y": 2.5046545454545455,
  "fwhm_z": 2.7845606980451905,
  "gcor": 0.0305217,
  "gsr_x": 0.011815158650279045,
  "gsr_y": 0.029434503987431526,
  "provenance": {
    "md5sum": "aa8bcc8f048e548cb89cd08c52775d05",
    "settings": {
      "fd_thres": 0.2,
      "testing": false
    },
    "software": "mriqc",
    "version": "22.0.6",
    "webapi_port": null,
    "webapi_url": "https://mriqc.nimh.nih.gov/api/v1"
  },
  "size_t": 9,
  "size_x": 64,
  "size_y": 64,
  "size_z": 48,
  "snr": 4.616935672935509,
  "spacing_tr": 3.0,
  "spacing_x": 3.4375,
  "spacing_y": 3.4375,
  "spacing_z": 3.3999977111816406,
  "summary_bg_k": 23.36956693451305,
  "summary_bg_mad": 13.013954063699979,
  "summary_bg_mean": 144.10276794433594,
  "summary_bg_median": 35.77777862548828,
  "summary_bg_n": 133606.0,
  "summary_bg_p05": 24.22222328186035,
  "summary_bg_p95": 715.3055419921875,
  "summary_bg_stdv": 273.95843505859375,
  "summary_fg_k": 0.39499936607847674,
  "summary_fg_mad": 473.60924311341853,
  "summary_fg_mean": 2530.8056640625,
  "summary_fg_median": 2442.22216796875,
  "summary_fg_n": 26994.0,
  "summary_fg_p05": 1780.8500366210938,
  "summary_fg_p95": 3529.22216796875,
  "summary_fg_stdv": 528.9605712890625,
  "tsnr": 179.9967046827078
}