{
  "aor": 0.03410444444444444,
  "aqi": 0.0011106122222222221,
  "bids_meta": {
    "AcquisitionMatrixPE": 64,
    "AcquisitionNumber": 1,
    "AcquisitionTime": "15:24:4.000000",
    "BodyPartExamined": "HEAD",
    "CoilString": "32Ch Head",
    "ConversionSoftware": "dcm2niix",
    "ConversionSoftwareVersion": "v1.0.20211006",
    "Dcm2bidsVersion": "2.1.6",
    "DeviceSerialNumber": "000301496MR3T6MR",
    "EchoTime": 0.0169,
    "EffectiveEchoSpacing": 0.000208635,
    "FlipAngle": 90,
    "ImageOrientationPatientDICOM": [
      1,
      0,
      0,
      0,
      1,
      0
    ],
    "ImageType": [
      "ORIGINAL",
      "PRIMARY",
      "EPI",
      "NONE"
    ],
    "ImagingFrequency": 127.697,
    "InPlanePhaseEncodingDirectionDICOM": "COL",
    "InstitutionName": "NIH FMRIF",
    "InternalPulseSequenceName": "EPI",
    "MRAcquisitionType": "2D",
    "MagneticFieldStrength": 3,
    "Manufacturer": "GE",
    "ManufacturersModelName": "DISCOVERY MR750",
    "Modality": "MR",
    "ParallelReductionFactorInPlane": 2,
    "PatientPosition": "HFS",
    "PercentPhaseFOV": 100,
    "PercentSampling": 100,
    "PhaseEncodingDirection": "j-",
    "PhaseEncodingPolarityGE": "Unflipped",
    "PixelBandwidth": 7812.5,
    "ProcedureStepDescription": "MRI Brain",
    "ProtocolName": "ADNI3 FMRIF Enhanced Pro",
    "PulseSequenceName": "epiRT",
    "ReconMatrixPE": 64,
    "RepetitionTime": 3,
    "SAR": 0.159555,
    "ScanOptions": "EPI_GEMS\\ACC_GEMS",
    "ScanningSequence": "EP\\GR",
    "SequenceVariant": "SS",
    "SeriesDescription": "Axial rsfMRI reverse blip - RKV",
    "SeriesNumber": 13,
    "SliceThickness": 3.4,
    "SliceTiming": [
      0,
      1.5,
      0.0625,
      1.5625,
      0.125,
      1.625,
      0.1875,
      1.6875,
      0.25,
      1.75,
      0.3125,
      1.8125,
      0.375,
      1.875,
      0.4375,
      1.9375,
      0.5,
      2,
      0.5625,
      2.0625,
      0.625,
      2.125,
      0.6875,
      2.1875,
      0.75,
      2.25,
      0.8125,
      2.3125,
      0.875,
      2.375,
      0.9375,
      2.4375,
      1,
      2.5,
      1.0625,
      2.5625,
      1.125,
      2.625,
      1.1875,
      2.6875,
      1.25,
      2.75,
      1.3125,
      2.8125,
      1.375,
      2.875,
      1.4375,
      2.9375
    ],
    "SoftwareVersions": "27\\LX\\MR Software release:DV26.0_R01_1725.a",
    "SpacingBetweenSlices": 3.4,
    "StationName": "fmrif3tb",
    "TaskName": "Resting state with reverse blip.",
    "TotalReadoutTime": 0.013144,
    "dataset": "ds004215",
    "modality": "bold",
    "session_id": "01",
    "subject_id": "ON69092",
    "task_id": "rest"
  },
  "dummy_trs": 1,
  "dvars_nstd": 11.969667432500001,
  "dvars_std": 1.28062814375,
  "dvars_vstd": 1.28613026375,
  "efc": 0.46994597278297745,
  "fber": 33837.2265625,
  "fd_mean": 0.0467657925199433,
  "fd_num": 0,
  "fd_perc": 0.0,
  "fwhm_avg": 2.7364342074749963,
  "fwhm_x": 2.5425803636363633,
  "fwhm_y": 2.740293818181818,
  "fwhm_z": 2.9264284406068066,
  "gcor": 0.0460222,
  "gsr_x": -0.011152445338666439,
  "gsr_y": 0.08217904716730118,
  "provenance": {
    "md5sum": "10c790a7cf96231e400065ffa489cc76",
    "settings": {
      "fd_thres": 0.2,
      "testing": false
    },
    "software": "mriqc",
    "version": "22.0.6",
    "webapi_port": null,
    "webapi_url": "https://mriqc.nimh.nih.gov/api/v1"
  },
  "size_t": 9,
  "size_x": 64,
  "size_y": 64,
  "size_z": 48,
  "snr": 4.3699376749942624,
  "spacing_tr": 3.0,
  "spacing_x": 3.4375,
  "spacing_y": 3.4375,
  "spacing_z": 3.3999977111816406,
  "summary_bg_k": 14.963340579624468,
  "summary_bg_mad": 17.461758951817213,
  "summary_bg_mean": 111.560791015625,
  "summary_bg_median": 12.333333015441895,
  "summary_bg_n": 130168.0,
  "summary_bg_p05": 0.2222222238779068,
  "summary_bg_p95": 615.2555541992175,
  "summary_bg_stdv": 232.2941436767578,
  "summary_fg_k": 2.947031587851943,
  "summary_fg_mad": 391.57167904715374,
  "summary_fg_mean": 2103.018798828125,
  "summary_fg_median": 2045.6666259765625,
  "summary_fg_n": 28763.0,
  "summary_fg_p05": 1452.0111083984375,
  "summary_fg_p95": 2930.211059570312,
  "summary_fg_stdv": 468.1144714355469,
  "tsnr": 165.2652566805482
}