{
  "bids_meta": {
    "AcquisitionMatrixPE": 256,
    "AcquisitionNumber": 1,
    "AcquisitionTime": "13:54:18.000000",
    "BodyPartExamined": "BRAIN",
    "CoilString": "32Ch Head",
    "ConversionSoftware": "dcm2niix",
    "ConversionSoftwareVersion": "v1.0.20211006",
    "Dcm2bidsVersion": "2.1.6",
    "DeviceSerialNumber": "000301496MR3T6MR",
    "EchoTime": 0.003036,
    "FlipAngle": 11,
    "ImageOrientationPatientDICOM": [
      0,
      1,
      0,
      0,
      0,
      -1
    ],
    "ImageType": [
      "ORIGINAL",
      "PRIMARY",
      "OTHER"
    ],
    "ImagingFrequency": 127.697,
    "InPlanePhaseEncodingDirectionDICOM": "ROW",
    "InstitutionName": "NIH FMRIF",
    "InversionTime": 0.4,
    "MRAcquisitionType": "3D",
    "MagneticFieldStrength": 3,
    "Manufacturer": "GE",
    "ManufacturersModelName": "DISCOVERY MR750",
    "Modality": "MR",
    "ParallelReductionFactorInPlane": 1.72974,
    "PatientPosition": "HFS",
    "PercentPhaseFOV": 100,
    "PercentSampling": 100,
    "PixelBandwidth": 244.141,
    "ProcedureStepDescription": "MRI Brain",
    "ProtocolName": "ADNI3 FMRIF Enhanced Pro",
    "ReconMatrixPE": 256,
    "RepetitionTime": 0.007348,
    "SAR": 0.191271,
    "ScanOptions": "FAST_GEMS\\EDR_GEMS\\FILTERED_GEMS\\ACC_GEMS\\IR_GEMS",
    "ScanningSequence": "GR",
    "SequenceVariant": "SS\\SP\\SK",
    "SeriesDescription": "Accelerated Sagittal IR-FSPGR",
    "SeriesNumber": 3,
    "SliceThickness": 1.2,
    "SoftwareVersions": "27\\LX\\MR Software release:DV26.0_R01_1725.a",
    "SpacingBetweenSlices": 1.2,
    "SpoilingState": true,
    "StationName": "fmrif3tb",
    "acq_id": "FSPGR",
    "dataset": "ds004215",
    "modality": "T1w",
    "rec_id": "SCIC",
    "session_id": "01",
    "subject_id": "ON06910"
  },
  "cjv": 0.3228511960291429,
  "cnr": 4.1645054994083095,
  "efc": 0.5821950359749963,
  "fber": 22750.10982287723,
  "fwhm_avg": 3.416106809371243,
  "fwhm_x": 3.17264973513218,
  "fwhm_y": 3.740419016312582,
  "fwhm_z": 3.3352516766689666,
  "icvs_csf": 0.23720840994645848,
  "icvs_gm": 0.43936030188461045,
  "icvs_wm": 0.3234312881689311,
  "inu_med": 0.5332286953926086,
  "inu_range": 0.10489158034324653,
  "provenance": {
    "md5sum": "cb2633ffc5a3c398a27b62143e18d25c",
    "settings": {
      "testing": false
    },
    "software": "mriqc",
    "version": "22.0.6",
    "warnings": {
      "large_rot_frame": true,
      "small_air_mask": false
    },
    "webapi_port": null,
    "webapi_url": "https://mriqc.nimh.nih.gov/api/v1"
  },
  "qi_1": 0.0,
  "qi_2": 0.003381462782649762,
  "rpve_csf": 33.49375820685064,
  "rpve_gm": 18.6808167951596,
  "rpve_wm": 29.314644758136613,
  "size_x": 196,
  "size_y": 256,
  "size_z": 256,
  "snr_csf": 2.3558229209482455,
  "snr_gm": 10.318567636673684,
  "snr_total": 12.015269480018068,
  "snr_wm": 23.37141788243227,
  "snrd_csf": 22.53343801593416,
  "snrd_gm": 66.91552493378613,
  "snrd_total": 62.99543026977557,
  "snrd_wm": 99.5373278596064,
  "spacing_x": 1.1999969482421875,
  "spacing_y": 1.0547000169754028,
  "spacing_z": 1.0547000169754028,
  "summary_bg_k": 12.512285034173653,
  "summary_bg_mad": 6.5819868891091255,
  "summary_bg_mean": 6.8254951475127275,
  "summary_bg_median": 4.439482692629099,
  "summary_bg_n": 1042595.0,
  "summary_bg_p05": 0.0,
  "summary_bg_p95": 27.41575276851654,
  "summary_bg_stdv": 10.863337326422108,
  "summary_csf_k": 1.6879654626733922,
  "summary_csf_mad": 80.71594448223296,
  "summary_csf_mean": 232.362947559401,
  "summary_csf_median": 226.38765543699265,
  "summary_csf_n": 23607.0,
  "summary_csf_p05": 87.70704316087067,
  "summary_csf_p95": 409.30732331685726,
  "summary_csf_stdv": 96.09502414072915,
  "summary_gm_k": 0.17855332471509522,
  "summary_gm_mad": 64.4341874407525,
  "summary_gm_mean": 669.9470022498602,
  "summary_gm_median": 672.2830662317574,
  "summary_gm_n": 24019.0,
  "summary_gm_p05": 558.8737548504025,
  "summary_gm_p95": 771.7690175659955,
  "summary_gm_stdv": 65.15139454809274,
  "summary_wm_k": 0.2870850365807116,
  "summary_wm_mad": 41.3779877531714,
  "summary_wm_mean": 999.8512745134125,
  "summary_wm_median": 1000.0259288735688,
  "summary_wm_n": 119059.0,
  "summary_wm_p05": 929.5887330058962,
  "summary_wm_p95": 1070.4864904396236,
  "summary_wm_stdv": 42.78823536457465,
  "tpm_overlap_csf": 0.16647057992967104,
  "tpm_overlap_gm": 0.4615846258075301,
  "tpm_overlap_wm": 0.5002240526298711,
  "wm2max": 0.6755112062011154
}