{
  "bids_meta": {
    "AcquisitionMatrixPE": 256,
    "AcquisitionNumber": 1,
    "AcquisitionTime": "15:22:6.000000",
    "BodyPartExamined": "BRAIN",
    "CoilString": "32Ch Head",
    "ConversionSoftware": "dcm2niix",
    "ConversionSoftwareVersion": "v1.0.20211006",
    "Dcm2bidsVersion": "2.1.6",
    "DeviceSerialNumber": "000301496MR3T6MR",
    "EchoTime": 0.059165,
    "EchoTrainLength": 140,
    "FlipAngle": 90,
    "ImageOrientationPatientDICOM": [
      0,
      1,
      0,
      0,
      0,
      -1
    ],
    "ImageType": [
      "ORIGINAL",
      "PRIMARY",
      "OTHER"
    ],
    "ImagingFrequency": 127.697,
    "InPlanePhaseEncodingDirectionDICOM": "ROW",
    "InstitutionName": "NIH FMRIF",
    "MRAcquisitionType": "3D",
    "MagneticFieldStrength": 3,
    "Manufacturer": "GE",
    "ManufacturersModelName": "DISCOVERY MR750",
    "Modality": "MR",
    "ParallelReductionFactorInPlane": 2,
    "ParallelReductionOutOfPlane": 1.5,
    "PatientPosition": "HFS",
    "PercentPhaseFOV": 100,
    "PercentSampling": 100,
    "PhaseEncodingAxis": "i",
    "PixelBandwidth": 244.141,
    "ProcedureStepDescription": "MRI Brain",
    "ProtocolName": "ADNI3 FMRIF Enhanced Pro",
    "ReconMatrixPE": 256,
    "RepetitionTime": 3.202,
    "SAR": 0.3699,
    "ScanOptions": "SAT_GEMS\\EDR_GEMS\\PROMO_GEMS\\ACC_GEMS\\FS\\FR_GEMS",
    "ScanningSequence": "RM",
    "SequenceVariant": "NONE",
    "SeriesDescription": "ORIG Anat T2w CUBE (ABCD)",
    "SeriesNumber": 40004,
    "SliceThickness": 1,
    "SoftwareVersions": "27\\LX\\MR Software release:DV26.0_R03_1831.b",
    "SpacingBetweenSlices": 1,
    "StationName": "FMRI3tb",
    "acq_id": "CUBE",
    "dataset": "ds004215",
    "modality": "T2w",
    "session_id": "01",
    "subject_id": "ON95259"
  },
  "cjv": 1.1968223906289812,
  "cnr": 0.9853416410242134,
  "efc": 0.3943882731454502,
  "fber": 6869.753792619273,
  "fwhm_avg": 2.1943099999999998,
  "fwhm_x": 1.82202,
  "fwhm_y": 2.44917,
  "fwhm_z": 2.31174,
  "icvs_csf": 0.2984470244890579,
  "icvs_gm": 0.49833121734339514,
  "icvs_wm": 0.20322175816754692,
  "inu_med": 0.8986023664474487,
  "inu_range": 0.36855751276016235,
  "provenance": {
    "md5sum": "4adcf1d4b721460cbef3a8a62b380088",
    "settings": {
      "testing": false
    },
    "software": "mriqc",
    "version": "22.0.6",
    "warnings": {
      "large_rot_frame": true,
      "small_air_mask": false
    },
    "webapi_port": null,
    "webapi_url": "https://mriqc.nimh.nih.gov/api/v1"
  },
  "qi_1": 0.007076993347250193,
  "qi_2": 0.004817021314560032,
  "rpve_csf": 21.800645759038407,
  "rpve_gm": 15.549735841615304,
  "rpve_wm": 39.80383744417029,
  "size_x": 204,
  "size_y": 256,
  "size_z": 256,
  "snr_csf": 12.049758230483583,
  "snr_gm": 12.576293171867526,
  "snr_total": 8.847091485345807,
  "snr_wm": 1.9152230536863115,
  "snrd_csf": 69.16402940236111,
  "snrd_gm": 48.76243504058666,
  "snrd_total": 72.88834250629579,
  "snrd_wm": 100.73856307593958,
  "spacing_x": 1.0,
  "spacing_y": 1.0,
  "spacing_z": 1.0,
  "summary_bg_k": 200.25028999628623,
  "summary_bg_mad": 6.510255439308046,
  "summary_bg_mean": 5.303142163234218,
  "summary_bg_median": 4.391100564971566,
  "summary_bg_n": 4754464.0,
  "summary_bg_p05": 0.0,
  "summary_bg_p95": 16.260378455743194,
  "summary_bg_stdv": 9.330390346912269,
  "summary_csf_k": 0.19317700276315675,
  "summary_csf_mad": 55.830372403762944,
  "summary_csf_mean": 689.2922667588244,
  "summary_csf_median": 687.3003829754889,
  "summary_csf_n": 20958.0,
  "summary_csf_p05": 599.6606688813306,
  "summary_csf_p95": 786.6496985762379,
  "summary_csf_stdv": 57.03715979563655,
  "summary_gm_k": 0.027880004480404175,
  "summary_gm_mad": 39.06153263584827,
  "summary_gm_mean": 483.7077474544253,
  "summary_gm_median": 484.56460052728653,
  "summary_gm_n": 169949.0,
  "summary_gm_p05": 419.36341032013297,
  "summary_gm_p95": 544.4166318643838,
  "summary_gm_stdv": 38.52988859956316,
  "summary_wm_k": -1.5377751085655686,
  "summary_wm_mad": 579.0970853498436,
  "summary_wm_mean": 780.7773221444072,
  "summary_wm_median": 1001.0644778907299,
  "summary_wm_n": 44322.0,
  "summary_wm_p05": 33.558653408661485,
  "summary_wm_p95": 1480.4928213935345,
  "summary_wm_stdv": 522.682296880474,
  "tpm_overlap_csf": 0.10368270796779426,
  "tpm_overlap_gm": 0.3118367352616274,
  "tpm_overlap_wm": 0.03823614814477447,
  "wm2max": 0.6907553453589783
}