{
  "bids_meta": {
    "AcquisitionMatrixPE": 256,
    "AcquisitionNumber": 1,
    "AcquisitionTime": "15:15:36.000000",
    "BodyPartExamined": "BRAIN",
    "CoilString": "32Ch Head",
    "ConversionSoftware": "dcm2niix",
    "ConversionSoftwareVersion": "v1.0.20211006",
    "Dcm2bidsVersion": "2.1.6",
    "DeviceSerialNumber": "000301496MR3T6MR",
    "EchoTime": 0.00292,
    "FlipAngle": 8,
    "ImageOrientationPatientDICOM": [
      0,
      1,
      0,
      0,
      0,
      -1
    ],
    "ImageType": [
      "ORIGINAL",
      "PRIMARY",
      "OTHER"
    ],
    "ImagingFrequency": 127.697,
    "InPlanePhaseEncodingDirectionDICOM": "ROW",
    "InstitutionName": "NIH FMRIF",
    "InversionTime": 1.06,
    "MRAcquisitionType": "3D",
    "MagneticFieldStrength": 3,
    "Manufacturer": "GE",
    "ManufacturersModelName": "DISCOVERY MR750",
    "Modality": "MR",
    "ParallelReductionFactorInPlane": 2,
    "ParallelReductionOutOfPlane": 2,
    "PatientPosition": "HFS",
    "PercentPhaseFOV": 100,
    "PercentSampling": 100,
    "PixelBandwidth": 244.141,
    "ProcedureStepDescription": "MRI Brain",
    "ProtocolName": "ADNI3 FMRIF Enhanced Pro",
    "ReconMatrixPE": 256,
    "RepetitionTime": 0.006952,
    "SAR": 0.132814,
    "ScanOptions": "EDR_GEMS\\PROMO_GEMS\\FILTERED_GEMS\\ACC_GEMS\\IR_GEMS",
    "ScanningSequence": "RM",
    "SequenceVariant": "NONE",
    "SeriesDescription": "Anat T1w MP-RAGE 1mm (ABCD)",
    "SeriesNumber": 3,
    "SliceThickness": 1,
    "SoftwareVersions": "27\\LX\\MR Software release:DV26.0_R03_1831.b",
    "SpacingBetweenSlices": 1,
    "StationName": "FMRI3tb",
    "acq_id": "MPRAGE",
    "dataset": "ds004215",
    "modality": "T1w",
    "rec_id": "SCIC",
    "session_id": "01",
    "subject_id": "ON95259"
  },
  "cjv": 0.3463344238201314,
  "cnr": 3.8466720610357146,
  "efc": 0.6662929680231163,
  "fber": 5224.243975028397,
  "fwhm_avg": 3.4757700000000002,
  "fwhm_x": 3.42887,
  "fwhm_y": 3.65578,
  "fwhm_z": 3.34266,
  "icvs_csf": 0.22160674649275966,
  "icvs_gm": 0.43602402780381977,
  "icvs_wm": 0.3423692257034206,
  "inu_med": 0.45703284442424774,
  "inu_range": 0.06901988089084626,
  "provenance": {
    "md5sum": "76d8f376b24714de7b37677bc2eac5cf",
    "settings": {
      "testing": false
    },
    "software": "mriqc",
    "version": "22.0.6",
    "warnings": {
      "large_rot_frame": true,
      "small_air_mask": false
    },
    "webapi_port": null,
    "webapi_url": "https://mriqc.nimh.nih.gov/api/v1"
  },
  "qi_1": 0.0,
  "qi_2": 0.0030124033593819126,
  "rpve_csf": 31.357602599535138,
  "rpve_gm": 16.588817649459394,
  "rpve_wm": 24.332758246547236,
  "size_x": 208,
  "size_y": 256,
  "size_z": 256,
  "snr_csf": 1.6267996234261322,
  "snr_gm": 8.34705897282456,
  "snr_total": 10.059659580780345,
  "snr_wm": 20.20512014609034,
  "snrd_csf": 8.408804917419031,
  "snrd_gm": 31.73893187699952,
  "snrd_total": 29.81572729521466,
  "snrd_wm": 49.29944509122544,
  "spacing_x": 1.0,
  "spacing_y": 1.0,
  "spacing_z": 1.0,
  "summary_bg_k": 3.2558529965977145,
  "summary_bg_mad": 0.0,
  "summary_bg_mean": 8.70155235978447,
  "summary_bg_median": 0.0,
  "summary_bg_n": 963337.0,
  "summary_bg_p05": 0.0,
  "summary_bg_p95": 38.791219871491194,
  "summary_bg_stdv": 13.288557284995802,
  "summary_csf_k": 1.06645548522574,
  "summary_csf_mad": 87.70470985426093,
  "summary_csf_mean": 196.11077444817892,
  "summary_csf_median": 170.561253875494,
  "summary_csf_n": 27595.0,
  "summary_csf_p05": 70.15723790973425,
  "summary_csf_p95": 410.64095991477365,
  "summary_csf_stdv": 104.84276056730373,
  "summary_gm_k": 0.02756526742018872,
  "summary_gm_mad": 76.00805034900878,
  "summary_gm_mean": 643.5611832178836,
  "summary_gm_median": 643.7813780643046,
  "summary_gm_n": 27547.0,
  "summary_gm_p05": 513.821237007156,
  "summary_gm_p95": 770.2008989825845,
  "summary_gm_stdv": 77.12533179760446,
  "summary_wm_k": 0.4179075490182851,
  "summary_wm_mad": 47.35325820465403,
  "summary_wm_mean": 999.4117090225362,
  "summary_wm_median": 999.972677771002,
  "summary_wm_n": 174568.0,
  "summary_wm_p05": 917.3127103038132,
  "summary_wm_p95": 1079.2476267553866,
  "summary_wm_stdv": 49.49091153141582,
  "tpm_overlap_csf": 0.15036081617007696,
  "tpm_overlap_gm": 0.4744016967659676,
  "tpm_overlap_wm": 0.5187362409921221,
  "wm2max": 0.6161233895112188
}