{
  "aor": 0.005482814070351759,
  "aqi": 0.005230770201005025,
  "bids_meta": {
    "AcquisitionMatrixPE": 64,
    "AcquisitionNumber": 1,
    "AcquisitionTime": "15:48:29.000000",
    "BodyPartExamined": "BRAIN",
    "CoilString": "32Ch Head",
    "ConversionSoftware": "dcm2niix",
    "ConversionSoftwareVersion": "v1.0.20211006",
    "Dcm2bidsVersion": "2.1.6",
    "DeviceSerialNumber": "000301496MR3T6MR",
    "EchoTime": 0.0169,
    "EffectiveEchoSpacing": 0.000416,
    "FlipAngle": 90,
    "ImageOrientationPatientDICOM": [
      1,
      0,
      0,
      0,
      1,
      0
    ],
    "ImageType": [
      "ORIGINAL",
      "PRIMARY",
      "OTHER"
    ],
    "ImagingFrequency": 127.697,
    "InPlanePhaseEncodingDirectionDICOM": "COL",
    "InstitutionName": "NIH FMRIF",
    "InternalPulseSequenceName": "EPI",
    "MRAcquisitionType": "2D",
    "MagneticFieldStrength": 3,
    "Manufacturer": "GE",
    "ManufacturersModelName": "DISCOVERY MR750",
    "Modality": "MR",
    "PatientPosition": "HFS",
    "PercentPhaseFOV": 100,
    "PercentSampling": 100,
    "PhaseEncodingDirection": "j",
    "PhaseEncodingPolarityGE": "Flipped",
    "PixelBandwidth": 7812.5,
    "ProcedureStepDescription": "MRI Brain",
    "ProtocolName": "ADNI3 FMRIF Enhanced Pro",
    "PulseSequenceName": "epi",
    "ReconMatrixPE": 64,
    "RepetitionTime": 3,
    "SAR": 0.149228,
    "ScanOptions": "MP_GEMS\\EPI_GEMS\\PFF",
    "ScanningSequence": "EP\\GR",
    "SequenceVariant": "SS",
    "SeriesDescription": "Axial rsfMRI with Eyes Open - RKV",
    "SeriesNumber": 10,
    "SliceThickness": 3.4,
    "SliceTiming": [
      0,
      1.5,
      0.0625,
      1.5625,
      0.125,
      1.625,
      0.1875,
      1.6875,
      0.25,
      1.75,
      0.3125,
      1.8125,
      0.375,
      1.875,
      0.4375,
      1.9375,
      0.5,
      2,
      0.5625,
      2.0625,
      0.625,
      2.125,
      0.6875,
      2.1875,
      0.75,
      2.25,
      0.8125,
      2.3125,
      0.875,
      2.375,
      0.9375,
      2.4375,
      1,
      2.5,
      1.0625,
      2.5625,
      1.125,
      2.625,
      1.1875,
      2.6875,
      1.25,
      2.75,
      1.3125,
      2.8125,
      1.375,
      2.875,
      1.4375,
      2.9375
    ],
    "SoftwareVersions": "27\\LX\\MR Software release:DV26.0_R03_1831.b",
    "SpacingBetweenSlices": 3.4,
    "StationName": "FMRI3tb",
    "TaskName": "Resting state with eyes open.",
    "TotalReadoutTime": 0.026208,
    "TriggerDelayTime": 599938,
    "dataset": "ds004215",
    "modality": "bold",
    "session_id": "01",
    "subject_id": "ON44262",
    "task_id": "rest"
  },
  "dummy_trs": 1,
  "dvars_nstd": 20.662072104797993,
  "dvars_std": 1.3102568144949496,
  "dvars_vstd": 1.007323384191919,
  "efc": 0.4390229338299122,
  "fber": 5550.79736328125,
  "fd_mean": 0.3567389461119834,
  "fd_num": 140,
  "fd_perc": 70.35175879396985,
  "fwhm_avg": 2.5489546131781826,
  "fwhm_x": 2.4494865454545454,
  "fwhm_y": 2.448893090909091,
  "fwhm_z": 2.748484203170913,
  "gcor": 0.0481627,
  "gsr_x": -0.021084224805235863,
  "gsr_y": 0.04187982156872749,
  "provenance": {
    "md5sum": "20aadea064ebde5ba448967cfdbdc974",
    "settings": {
      "fd_thres": 0.2,
      "testing": false
    },
    "software": "mriqc",
    "version": "22.0.6",
    "webapi_port": null,
    "webapi_url": "https://mriqc.nimh.nih.gov/api/v1"
  },
  "size_t": 199,
  "size_x": 64,
  "size_y": 64,
  "size_z": 48,
  "snr": 4.608047505720617,
  "spacing_tr": 3.0,
  "spacing_x": 3.4375,
  "spacing_y": 3.4375,
  "spacing_z": 3.3999977111816406,
  "summary_bg_k": 46.70040781642757,
  "summary_bg_mad": 9.99825290005026,
  "summary_bg_mean": 115.13118743896484,
  "summary_bg_median": 32.869346618652344,
  "summary_bg_n": 137678.0,
  "summary_bg_p05": 21.04020118713379,
  "summary_bg_p95": 550.4396728515622,
  "summary_bg_stdv": 244.4826202392578,
  "summary_fg_k": 2.3443245511539548,
  "summary_fg_mad": 452.4394498147079,
  "summary_fg_mean": 2531.89501953125,
  "summary_fg_median": 2447.648193359375,
  "summary_fg_n": 24119.0,
  "summary_fg_p05": 1814.8436645507813,
  "summary_fg_p95": 3513.236157226562,
  "summary_fg_stdv": 531.1571655273438,
  "tsnr": 82.43080031080171
}