{
  "aor": 0.03211777777777777,
  "aqi": 0.001714301888888889,
  "bids_meta": {
    "AcquisitionMatrixPE": 64,
    "AcquisitionNumber": 1,
    "AcquisitionTime": "15:59:33.000000",
    "BodyPartExamined": "BRAIN",
    "CoilString": "32Ch Head",
    "ConversionSoftware": "dcm2niix",
    "ConversionSoftwareVersion": "v1.0.20211006",
    "Dcm2bidsVersion": "2.1.6",
    "DeviceSerialNumber": "000301496MR3T6MR",
    "EchoTime": 0.0169,
    "EffectiveEchoSpacing": 0.000416,
    "FlipAngle": 90,
    "ImageOrientationPatientDICOM": [
      1,
      0,
      0,
      0,
      1,
      0
    ],
    "ImageType": [
      "ORIGINAL",
      "PRIMARY",
      "OTHER"
    ],
    "ImagingFrequency": 127.697,
    "InPlanePhaseEncodingDirectionDICOM": "COL",
    "InstitutionName": "NIH FMRIF",
    "InternalPulseSequenceName": "EPI",
    "MRAcquisitionType": "2D",
    "MagneticFieldStrength": 3,
    "Manufacturer": "GE",
    "ManufacturersModelName": "DISCOVERY MR750",
    "Modality": "MR",
    "PatientPosition": "HFS",
    "PercentPhaseFOV": 100,
    "PercentSampling": 100,
    "PhaseEncodingDirection": "j-",
    "PhaseEncodingPolarityGE": "Unflipped",
    "PixelBandwidth": 7812.5,
    "ProcedureStepDescription": "MRI Brain",
    "ProtocolName": "ADNI3 FMRIF Enhanced Pro",
    "PulseSequenceName": "epi",
    "ReconMatrixPE": 64,
    "RepetitionTime": 3,
    "SAR": 0.148309,
    "ScanOptions": "MP_GEMS\\EPI_GEMS\\PFF",
    "ScanningSequence": "EP\\GR",
    "SequenceVariant": "SS",
    "SeriesDescription": "Axial rsfMRI reverse blip - RKV",
    "SeriesNumber": 11,
    "SliceThickness": 3.4,
    "SliceTiming": [
      0,
      1.5,
      0.0625,
      1.5625,
      0.125,
      1.625,
      0.1875,
      1.6875,
      0.25,
      1.75,
      0.3125,
      1.8125,
      0.375,
      1.875,
      0.4375,
      1.9375,
      0.5,
      2,
      0.5625,
      2.0625,
      0.625,
      2.125,
      0.6875,
      2.1875,
      0.75,
      2.25,
      0.8125,
      2.3125,
      0.875,
      2.375,
      0.9375,
      2.4375,
      1,
      2.5,
      1.0625,
      2.5625,
      1.125,
      2.625,
      1.1875,
      2.6875,
      1.25,
      2.75,
      1.3125,
      2.8125,
      1.375,
      2.875,
      1.4375,
      2.9375
    ],
    "SoftwareVersions": "27\\LX\\MR Software release:DV26.0_R03_1831.b",
    "SpacingBetweenSlices": 3.4,
    "StationName": "FMRI3tb",
    "TaskName": "Resting state with reverse blip.",
    "TotalReadoutTime": 0.026208,
    "TriggerDelayTime": 29938,
    "dataset": "ds004215",
    "modality": "bold",
    "session_id": "01",
    "subject_id": "ON44262",
    "task_id": "rest"
  },
  "dummy_trs": 1,
  "dvars_nstd": 14.857873917500001,
  "dvars_std": 1.2117124475,
  "dvars_vstd": 1.2216227512500002,
  "efc": 0.4436449220977098,
  "fber": 5500.7802734375,
  "fd_mean": 0.239420725647792,
  "fd_num": 4,
  "fd_perc": 44.44444444444444,
  "fwhm_avg": 2.791092315993007,
  "fwhm_x": 2.759296,
  "fwhm_y": 2.6805730909090912,
  "fwhm_z": 2.933407857069929,
  "gcor": 0.0275078,
  "gsr_x": -0.016900572925806046,
  "gsr_y": 0.02886413410305977,
  "provenance": {
    "md5sum": "7f547b2dab3d47417bd523d77ad033d6",
    "settings": {
      "fd_thres": 0.2,
      "testing": false
    },
    "software": "mriqc",
    "version": "22.0.6",
    "webapi_port": null,
    "webapi_url": "https://mriqc.nimh.nih.gov/api/v1"
  },
  "size_t": 9,
  "size_x": 64,
  "size_y": 64,
  "size_z": 48,
  "snr": 4.285259352936008,
  "spacing_tr": 3.0,
  "spacing_x": 3.4375,
  "spacing_y": 3.4375,
  "spacing_z": 3.3999977111816406,
  "summary_bg_k": 22.718666316614677,
  "summary_bg_mad": 8.895616138872926,
  "summary_bg_mean": 108.78926849365234,
  "summary_bg_median": 32.4444465637207,
  "summary_bg_n": 135032.0,
  "summary_bg_p05": 21.11111068725586,
  "summary_bg_p95": 541.877774047851,
  "summary_bg_stdv": 220.42637634277344,
  "summary_fg_k": 0.9086031566112869,
  "summary_fg_mad": 475.66827209778603,
  "summary_fg_mean": 2507.244873046875,
  "summary_fg_median": 2424.444580078125,
  "summary_fg_n": 25194.0,
  "summary_fg_p05": 1675.5166625976562,
  "summary_fg_p95": 3588.305566406249,
  "summary_fg_stdv": 565.7525634765625,
  "tsnr": 127.98758635297418
}