{
  "bids_meta": {
    "AcquisitionMatrixPE": 256,
    "AcquisitionNumber": 1,
    "AcquisitionTime": "14:53:54.000000",
    "BodyPartExamined": "BRAIN",
    "CoilString": "32Ch Head",
    "ConversionSoftware": "dcm2niix",
    "ConversionSoftwareVersion": "v1.0.20211006",
    "Dcm2bidsVersion": "2.1.6",
    "DeviceSerialNumber": "000301496MR3T6MR",
    "EchoTime": 0.00292,
    "FlipAngle": 8,
    "ImageOrientationPatientDICOM": [
      0,
      1,
      0,
      0,
      0,
      -1
    ],
    "ImageType": [
      "ORIGINAL",
      "PRIMARY",
      "OTHER"
    ],
    "ImagingFrequency": 127.697,
    "InPlanePhaseEncodingDirectionDICOM": "ROW",
    "InstitutionName": "NIH FMRIF",
    "InversionTime": 1.06,
    "MRAcquisitionType": "3D",
    "MagneticFieldStrength": 3,
    "Manufacturer": "GE",
    "ManufacturersModelName": "DISCOVERY MR750",
    "Modality": "MR",
    "ParallelReductionFactorInPlane": 2,
    "ParallelReductionOutOfPlane": 2,
    "PatientPosition": "HFS",
    "PercentPhaseFOV": 100,
    "PercentSampling": 100,
    "PixelBandwidth": 244.141,
    "ProcedureStepDescription": "MRI Brain",
    "ProtocolName": "ADNI3 FMRIF Enhanced Pro",
    "ReconMatrixPE": 256,
    "RepetitionTime": 0.006952,
    "SAR": 0.102734,
    "ScanOptions": "EDR_GEMS\\PROMO_GEMS\\ACC_GEMS\\IR_GEMS",
    "ScanningSequence": "RM",
    "SequenceVariant": "NONE",
    "SeriesDescription": "ORIG Anat T1w MP-RAGE 1mm (ABCD)",
    "SeriesNumber": 40003,
    "SliceThickness": 1,
    "SoftwareVersions": "27\\LX\\MR Software release:DV26.0_R03_1831.b",
    "SpacingBetweenSlices": 1,
    "StationName": "FMRI3tb",
    "acq_id": "MPRAGE",
    "dataset": "ds004215",
    "modality": "T1w",
    "session_id": "01",
    "subject_id": "ON05530"
  },
  "cjv": 0.39704512299753797,
  "cnr": 3.389835940770818,
  "efc": 0.4565742073513067,
  "fber": 6000.023935746173,
  "fwhm_avg": 4.083356666666667,
  "fwhm_x": 4.10081,
  "fwhm_y": 4.19439,
  "fwhm_z": 3.95487,
  "icvs_csf": 0.25009777493074026,
  "icvs_gm": 0.3939086517585643,
  "icvs_wm": 0.3559935733106954,
  "inu_med": 0.9151350259780884,
  "inu_range": 0.603514865040779,
  "provenance": {
    "md5sum": "21d82d390949cd34019c7da810a3bcd9",
    "settings": {
      "testing": false
    },
    "software": "mriqc",
    "version": "22.0.6",
    "warnings": {
      "large_rot_frame": true,
      "small_air_mask": false
    },
    "webapi_port": null,
    "webapi_url": "https://mriqc.nimh.nih.gov/api/v1"
  },
  "qi_1": 0.0,
  "qi_2": 0.0015110889245793903,
  "rpve_csf": 22.863953731776654,
  "rpve_gm": 13.85517588446509,
  "rpve_wm": 18.144233318603625,
  "size_x": 208,
  "size_y": 256,
  "size_z": 256,
  "snr_csf": 1.1829145934516518,
  "snr_gm": 7.745164963941684,
  "snr_total": 9.163132195548625,
  "snr_wm": 18.561317029252542,
  "snrd_csf": 4.585838684854447,
  "snrd_gm": 30.700415505169357,
  "snrd_total": 27.337583116010155,
  "snrd_wm": 46.72649515800667,
  "spacing_x": 1.0,
  "spacing_y": 1.0,
  "spacing_z": 1.0,
  "summary_bg_k": 1.4923854831353385,
  "summary_bg_mad": 14.021183834443502,
  "summary_bg_mean": 12.482386104264986,
  "summary_bg_median": 11.09539033472538,
  "summary_bg_n": 4246507.0,
  "summary_bg_p05": 0.0,
  "summary_bg_p95": 34.70101943612099,
  "summary_bg_stdv": 11.769495153462552,
  "summary_csf_k": 4.249498170187867,
  "summary_csf_mad": 53.82147338024572,
  "summary_csf_mean": 119.57901214443692,
  "summary_csf_median": 98.14580175280571,
  "summary_csf_n": 80704.0,
  "summary_csf_p05": 32.020253986120224,
  "summary_csf_p95": 304.29852650053766,
  "summary_csf_stdv": 82.96896008714549,
  "summary_gm_k": 0.005826913375543086,
  "summary_gm_mad": 84.3479090512979,
  "summary_gm_mean": 657.4347074209674,
  "summary_gm_median": 657.0481652244925,
  "summary_gm_n": 26609.0,
  "summary_gm_p05": 518.534503737092,
  "summary_gm_p95": 797.8628170564771,
  "summary_gm_stdv": 84.83173977769329,
  "summary_wm_k": 0.5687758487912364,
  "summary_wm_mad": 51.83421897851357,
  "summary_wm_mean": 1001.0039156482746,
  "summary_wm_median": 1000.0372114107013,
  "summary_wm_n": 246959.0,
  "summary_wm_p05": 914.922908373177,
  "summary_wm_p95": 1090.1407168135047,
  "summary_wm_stdv": 53.87738300734221,
  "tpm_overlap_csf": 0.1563325891830356,
  "tpm_overlap_gm": 0.44873621916792045,
  "tpm_overlap_wm": 0.5139140212376873,
  "wm2max": 0.5192928889326384
}