{
  "bids_meta": {
    "AcquisitionMatrixPE": 256,
    "AcquisitionNumber": 1,
    "AcquisitionTime": "15:00:33.000000",
    "BodyPartExamined": "BRAIN",
    "CoilString": "32Ch Head",
    "ConversionSoftware": "dcm2niix",
    "ConversionSoftwareVersion": "v1.0.20211006",
    "Dcm2bidsVersion": "2.1.6",
    "DeviceSerialNumber": "000301496MR3T6MR",
    "EchoTime": 0.065888,
    "EchoTrainLength": 140,
    "FlipAngle": 90,
    "ImageOrientationPatientDICOM": [
      0,
      1,
      0,
      0,
      0,
      -1
    ],
    "ImageType": [
      "ORIGINAL",
      "PRIMARY",
      "OTHER"
    ],
    "ImagingFrequency": 127.697,
    "InPlanePhaseEncodingDirectionDICOM": "ROW",
    "InstitutionName": "NIH FMRIF",
    "MRAcquisitionType": "3D",
    "MagneticFieldStrength": 3,
    "Manufacturer": "GE",
    "ManufacturersModelName": "DISCOVERY MR750",
    "Modality": "MR",
    "ParallelReductionFactorInPlane": 2,
    "ParallelReductionOutOfPlane": 1.5,
    "PatientPosition": "HFS",
    "PercentPhaseFOV": 100,
    "PercentSampling": 100,
    "PhaseEncodingAxis": "i",
    "PixelBandwidth": 244.141,
    "ProcedureStepDescription": "MRI Brain",
    "ProtocolName": "ADNI3 FMRIF Enhanced Pro",
    "ReconMatrixPE": 256,
    "RepetitionTime": 3.202,
    "SAR": 0.4472,
    "ScanOptions": "SAT_GEMS\\EDR_GEMS\\PROMO_GEMS\\ACC_GEMS\\FS\\FR_GEMS",
    "ScanningSequence": "RM",
    "SequenceVariant": "NONE",
    "SeriesDescription": "ORIG Anat T2w CUBE (ABCD)",
    "SeriesNumber": 40004,
    "SliceThickness": 1,
    "SoftwareVersions": "27\\LX\\MR Software release:DV26.0_R03_1831.b",
    "SpacingBetweenSlices": 1,
    "StationName": "FMRI3tb",
    "acq_id": "CUBE",
    "dataset": "ds004215",
    "modality": "T2w",
    "session_id": "01",
    "subject_id": "ON05530"
  },
  "cjv": 0.630613640287146,
  "cnr": 1.2791698656283692,
  "efc": 0.41241670909210815,
  "fber": 5651.280625,
  "fwhm_avg": 2.6477,
  "fwhm_x": 2.2267,
  "fwhm_y": 2.85518,
  "fwhm_z": 2.86122,
  "icvs_csf": 0.18391073281493822,
  "icvs_gm": 0.6983054166470692,
  "icvs_wm": 0.11778385053799256,
  "inu_med": 0.9362069666385651,
  "inu_range": 0.5953821808099746,
  "provenance": {
    "md5sum": "f652416e18adb022900a8a371e963d34",
    "settings": {
      "testing": false
    },
    "software": "mriqc",
    "version": "22.0.6",
    "warnings": {
      "large_rot_frame": true,
      "small_air_mask": false
    },
    "webapi_port": null,
    "webapi_url": "https://mriqc.nimh.nih.gov/api/v1"
  },
  "qi_1": 0.0,
  "qi_2": 0.01989997997299257,
  "rpve_csf": 23.350281103573554,
  "rpve_gm": 9.399112770626948,
  "rpve_wm": 50.00085035924869,
  "size_x": 204,
  "size_y": 256,
  "size_z": 256,
  "snr_csf": 7.758163286855778,
  "snr_gm": 8.984666255337569,
  "snr_total": 6.233163534053975,
  "snr_wm": 1.9566610599685779,
  "snrd_csf": 95.62218149108051,
  "snrd_gm": 38.81987290672569,
  "snrd_total": 82.38763533098503,
  "snrd_wm": 112.72085159514891,
  "spacing_x": 1.0,
  "spacing_y": 1.0,
  "spacing_z": 1.0,
  "summary_bg_k": 0.5424662341170432,
  "summary_bg_mad": 5.812348214726267,
  "summary_bg_mean": 4.430850797129014,
  "summary_bg_median": 3.9203692954033613,
  "summary_bg_n": 3991217.0,
  "summary_bg_p05": 0.0,
  "summary_bg_p95": 14.068843003362417,
  "summary_bg_stdv": 5.267572793584431,
  "summary_csf_k": 7.47292472333573,
  "summary_csf_mad": 91.38990065282364,
  "summary_csf_mean": 839.151674248288,
  "summary_csf_median": 848.356793910265,
  "summary_csf_n": 26511.0,
  "summary_csf_p05": 655.4384793275967,
  "summary_csf_p95": 961.296794462949,
  "summary_csf_stdv": 109.34814882103129,
  "summary_gm_k": 0.06955793084383455,
  "summary_gm_mad": 38.37798714829897,
  "summary_gm_mean": 346.79627241554357,
  "summary_gm_median": 344.4086132068187,
  "summary_gm_n": 513423.0,
  "summary_gm_p05": 288.13324119336903,
  "summary_gm_p95": 413.55725460872054,
  "summary_gm_stdv": 38.33289607142646,
  "summary_wm_k": -1.4914097215230655,
  "summary_wm_mad": 375.0819603247823,
  "summary_wm_mean": 764.1758333236905,
  "summary_wm_median": 1000.0556228160858,
  "summary_wm_n": 28169.0,
  "summary_wm_p05": 24.14502621367574,
  "summary_wm_p95": 1363.2208397582174,
  "summary_wm_stdv": 511.09407353280807,
  "tpm_overlap_csf": 0.11499946132528083,
  "tpm_overlap_gm": 0.419163223999878,
  "tpm_overlap_wm": 0.03330974227751967,
  "wm2max": 0.7505478370066978
}