{
  "bids_meta": {
    "AcquisitionMatrixPE": 256,
    "AcquisitionNumber": 1,
    "AcquisitionTime": "14:53:54.000000",
    "BodyPartExamined": "BRAIN",
    "CoilString": "32Ch Head",
    "ConversionSoftware": "dcm2niix",
    "ConversionSoftwareVersion": "v1.0.20211006",
    "Dcm2bidsVersion": "2.1.6",
    "DeviceSerialNumber": "000301496MR3T6MR",
    "EchoTime": 0.00292,
    "FlipAngle": 8,
    "ImageOrientationPatientDICOM": [
      0,
      1,
      0,
      0,
      0,
      -1
    ],
    "ImageType": [
      "ORIGINAL",
      "PRIMARY",
      "OTHER"
    ],
    "ImagingFrequency": 127.697,
    "InPlanePhaseEncodingDirectionDICOM": "ROW",
    "InstitutionName": "NIH FMRIF",
    "InversionTime": 1.06,
    "MRAcquisitionType": "3D",
    "MagneticFieldStrength": 3,
    "Manufacturer": "GE",
    "ManufacturersModelName": "DISCOVERY MR750",
    "Modality": "MR",
    "ParallelReductionFactorInPlane": 2,
    "ParallelReductionOutOfPlane": 2,
    "PatientPosition": "HFS",
    "PercentPhaseFOV": 100,
    "PercentSampling": 100,
    "PixelBandwidth": 244.141,
    "ProcedureStepDescription": "MRI Brain",
    "ProtocolName": "ADNI3 FMRIF Enhanced Pro",
    "ReconMatrixPE": 256,
    "RepetitionTime": 0.006952,
    "SAR": 0.102734,
    "ScanOptions": "EDR_GEMS\\PROMO_GEMS\\FILTERED_GEMS\\ACC_GEMS\\IR_GEMS",
    "ScanningSequence": "RM",
    "SequenceVariant": "NONE",
    "SeriesDescription": "Anat T1w MP-RAGE 1mm (ABCD)",
    "SeriesNumber": 3,
    "SliceThickness": 1,
    "SoftwareVersions": "27\\LX\\MR Software release:DV26.0_R03_1831.b",
    "SpacingBetweenSlices": 1,
    "StationName": "FMRI3tb",
    "acq_id": "MPRAGE",
    "dataset": "ds004215",
    "modality": "T1w",
    "rec_id": "SCIC",
    "session_id": "01",
    "subject_id": "ON05530"
  },
  "cjv": 0.3532257997715963,
  "cnr": 3.787777115005627,
  "efc": 0.6770904083278732,
  "fber": 16241.663721195018,
  "fwhm_avg": 3.8883433333333333,
  "fwhm_x": 3.84681,
  "fwhm_y": 4.0578,
  "fwhm_z": 3.76042,
  "icvs_csf": 0.25910685929281513,
  "icvs_gm": 0.3973531231275777,
  "icvs_wm": 0.34354001757960717,
  "inu_med": 0.402739942073822,
  "inu_range": 0.05301028490066528,
  "provenance": {
    "md5sum": "1af039ee14c9b34b97b9b416d7b4f040",
    "settings": {
      "testing": false
    },
    "software": "mriqc",
    "version": "22.0.6",
    "warnings": {
      "large_rot_frame": true,
      "small_air_mask": false
    },
    "webapi_port": null,
    "webapi_url": "https://mriqc.nimh.nih.gov/api/v1"
  },
  "qi_1": 0.0,
  "qi_2": 0.002360005339968195,
  "rpve_csf": 22.072653333985297,
  "rpve_gm": 13.739497890446042,
  "rpve_wm": 18.80734909884596,
  "size_x": 208,
  "size_y": 256,
  "size_z": 256,
  "snr_csf": 1.8516096214149758,
  "snr_gm": 8.51984837742576,
  "snr_total": 10.599008117824367,
  "snr_wm": 21.425566354632362,
  "snrd_csf": 10.526858338020247,
  "snrd_gm": 48.2662710146986,
  "snrd_total": 44.08829379203104,
  "snrd_wm": 73.47175202337425,
  "spacing_x": 1.0,
  "spacing_y": 1.0,
  "spacing_z": 1.0,
  "summary_bg_k": 5.69637232670903,
  "summary_bg_mad": 0.0,
  "summary_bg_mean": 5.370003218439555,
  "summary_bg_median": 0.0,
  "summary_bg_n": 917771.0,
  "summary_bg_p05": 0.0,
  "summary_bg_p95": 25.516905589029193,
  "summary_bg_stdv": 8.916630388698572,
  "summary_csf_k": 3.2133014282245815,
  "summary_csf_mad": 55.755363786445066,
  "summary_csf_mean": 161.05644366993684,
  "summary_csf_median": 143.274141009897,
  "summary_csf_n": 94814.0,
  "summary_csf_p05": 72.31816998682916,
  "summary_csf_p95": 325.3223025240004,
  "summary_csf_stdv": 77.37774949813456,
  "summary_gm_k": 0.05000499516608947,
  "summary_gm_mad": 76.167741472815,
  "summary_gm_mean": 655.6970605381681,
  "summary_gm_median": 656.9204502739012,
  "summary_gm_n": 34665.0,
  "summary_gm_p05": 526.5434144530445,
  "summary_gm_p95": 781.337865628302,
  "summary_gm_stdv": 77.10359924671809,
  "summary_wm_k": 0.33885376375821163,
  "summary_wm_mad": 45.00821087029977,
  "summary_wm_mean": 999.0303408666299,
  "summary_wm_median": 999.9756643082947,
  "summary_wm_n": 245258.0,
  "summary_wm_p05": 921.2113742250949,
  "summary_wm_p95": 1074.1182079073042,
  "summary_wm_stdv": 46.671980993872054,
  "tpm_overlap_csf": 0.15643880015553865,
  "tpm_overlap_gm": 0.4544832431396727,
  "tpm_overlap_wm": 0.5188315417222079,
  "wm2max": 0.7063159341603381
}