{
  "bids_meta": {
    "AcquisitionMatrixPE": 256,
    "AcquisitionNumber": 1,
    "AcquisitionTime": "15:00:33.000000",
    "BodyPartExamined": "BRAIN",
    "CoilString": "32Ch Head",
    "ConversionSoftware": "dcm2niix",
    "ConversionSoftwareVersion": "v1.0.20211006",
    "Dcm2bidsVersion": "2.1.6",
    "DeviceSerialNumber": "000301496MR3T6MR",
    "EchoTime": 0.065888,
    "EchoTrainLength": 140,
    "FlipAngle": 90,
    "ImageOrientationPatientDICOM": [
      0,
      1,
      0,
      0,
      0,
      -1
    ],
    "ImageType": [
      "ORIGINAL",
      "PRIMARY",
      "OTHER"
    ],
    "ImagingFrequency": 127.697,
    "InPlanePhaseEncodingDirectionDICOM": "ROW",
    "InstitutionName": "NIH FMRIF",
    "MRAcquisitionType": "3D",
    "MagneticFieldStrength": 3,
    "Manufacturer": "GE",
    "ManufacturersModelName": "DISCOVERY MR750",
    "Modality": "MR",
    "ParallelReductionFactorInPlane": 2,
    "ParallelReductionOutOfPlane": 1.5,
    "PatientPosition": "HFS",
    "PercentPhaseFOV": 100,
    "PercentSampling": 100,
    "PhaseEncodingAxis": "i",
    "PixelBandwidth": 244.141,
    "ProcedureStepDescription": "MRI Brain",
    "ProtocolName": "ADNI3 FMRIF Enhanced Pro",
    "ReconMatrixPE": 256,
    "RepetitionTime": 3.202,
    "SAR": 0.4472,
    "ScanOptions": "SAT_GEMS\\EDR_GEMS\\PROMO_GEMS\\FILTERED_GEMS\\ACC_GEMS\\FS\\FR_GEMS",
    "ScanningSequence": "RM",
    "SequenceVariant": "NONE",
    "SeriesDescription": "Anat T2w CUBE (ABCD)",
    "SeriesNumber": 4,
    "SliceThickness": 1,
    "SoftwareVersions": "27\\LX\\MR Software release:DV26.0_R03_1831.b",
    "SpacingBetweenSlices": 1,
    "StationName": "FMRI3tb",
    "acq_id": "CUBE",
    "dataset": "ds004215",
    "modality": "T2w",
    "rec_id": "SCIC",
    "session_id": "01",
    "subject_id": "ON05530"
  },
  "cjv": 0.2692192118000278,
  "cnr": 4.288845431705775,
  "efc": 0.45036656650196166,
  "fber": 7597.890074346938,
  "fwhm_avg": 2.4949566666666665,
  "fwhm_x": 2.05007,
  "fwhm_y": 2.79741,
  "fwhm_z": 2.63739,
  "icvs_csf": 0.24136936312023785,
  "icvs_gm": 0.7105536192768614,
  "icvs_wm": 0.048077017602900646,
  "inu_med": 0.6725525856018066,
  "inu_range": 0.13254788517951965,
  "provenance": {
    "md5sum": "dce39bb02a752231c3d20eed90e7a483",
    "settings": {
      "testing": false
    },
    "software": "mriqc",
    "version": "22.0.6",
    "warnings": {
      "large_rot_frame": true,
      "small_air_mask": false
    },
    "webapi_port": null,
    "webapi_url": "https://mriqc.nimh.nih.gov/api/v1"
  },
  "qi_1": 0.0,
  "qi_2": 0.013378909800943488,
  "rpve_csf": 20.47582965130441,
  "rpve_gm": 9.514652882578352,
  "rpve_wm": 119.88897666777387,
  "size_x": 204,
  "size_y": 256,
  "size_z": 256,
  "snr_csf": 6.361718425053196,
  "snr_gm": 9.107230424116947,
  "snr_total": 5.469435770625061,
  "snr_wm": 0.9393584627050403,
  "snrd_csf": 127.59251580966722,
  "snrd_gm": 43.65756378463487,
  "snrd_total": 59.320106754552484,
  "snrd_wm": 6.710240669355367,
  "spacing_x": 1.0,
  "spacing_y": 1.0,
  "spacing_z": 1.0,
  "summary_bg_k": 2.7591138154147634,
  "summary_bg_mad": 97.33497027474729,
  "summary_bg_mean": 60.611675305010436,
  "summary_bg_median": 65.65143978595734,
  "summary_bg_n": 3185821.0,
  "summary_bg_p05": 0.0,
  "summary_bg_p95": 202.7072805762291,
  "summary_bg_stdv": 68.38834695252928,
  "summary_csf_k": 6.096441553745887,
  "summary_csf_mad": 2131.3348130264253,
  "summary_csf_mean": 18261.802224335202,
  "summary_csf_median": 18956.684033453465,
  "summary_csf_n": 82963.0,
  "summary_csf_p05": 12144.230404365064,
  "summary_csf_p95": 21049.408279001713,
  "summary_csf_stdv": 2979.787616917226,
  "summary_gm_k": 0.15474123031422327,
  "summary_gm_mad": 701.9155846101621,
  "summary_gm_mean": 6535.453359127309,
  "summary_gm_median": 6486.294568955898,
  "summary_gm_n": 549255.0,
  "summary_gm_p05": 5449.7463212013245,
  "summary_gm_p95": 7790.524718105793,
  "summary_gm_stdv": 712.2130836996603,
  "summary_wm_k": 3.071014402692999,
  "summary_wm_mad": 775.9202656180241,
  "summary_wm_mean": 1336.1929879177876,
  "summary_wm_median": 996.9543381929398,
  "summary_wm_n": 8050.0,
  "summary_wm_p05": 281.8950996994972,
  "summary_wm_p95": 3539.8647195518,
  "summary_wm_stdv": 1061.248131804058,
  "tpm_overlap_csf": 0.14844160179797108,
  "tpm_overlap_gm": 0.41917695014336137,
  "tpm_overlap_wm": 0.011194806490524461,
  "wm2max": 0.04721380835617097
}