{
  "bids_meta": {
    "AcquisitionMatrixPE": 256,
    "AcquisitionNumber": 1,
    "AcquisitionTime": "16:16:34.000000",
    "BodyPartExamined": "BRAIN",
    "CoilString": "32Ch Head",
    "ConversionSoftware": "dcm2niix",
    "ConversionSoftwareVersion": "v1.0.20211006",
    "Dcm2bidsVersion": "2.1.6",
    "DeviceSerialNumber": "000301496MR3T6MR",
    "EchoTime": 0.003036,
    "FlipAngle": 11,
    "ImageOrientationPatientDICOM": [
      0,
      1,
      0,
      0,
      0,
      -1
    ],
    "ImageType": [
      "ORIGINAL",
      "PRIMARY",
      "OTHER"
    ],
    "ImagingFrequency": 127.697,
    "InPlanePhaseEncodingDirectionDICOM": "ROW",
    "InstitutionName": "NIH FMRIF",
    "InversionTime": 0.4,
    "MRAcquisitionType": "3D",
    "MagneticFieldStrength": 3,
    "Manufacturer": "GE",
    "ManufacturersModelName": "DISCOVERY MR750",
    "Modality": "MR",
    "ParallelReductionFactorInPlane": 1.72974,
    "PatientPosition": "HFS",
    "PercentPhaseFOV": 100,
    "PercentSampling": 100,
    "PixelBandwidth": 244.141,
    "ProcedureStepDescription": "MRI Brain",
    "ProtocolName": "ADNI3 FMRIF Enhanced Pro",
    "ReconMatrixPE": 256,
    "RepetitionTime": 0.007348,
    "SAR": 0.212333,
    "ScanOptions": "FAST_GEMS\\EDR_GEMS\\FILTERED_GEMS\\ACC_GEMS\\IR_GEMS",
    "ScanningSequence": "GR",
    "SequenceVariant": "SS\\SP\\SK",
    "SeriesDescription": "Accelerated Sagittal IR-FSPGR",
    "SeriesNumber": 5,
    "SliceThickness": 1.2,
    "SoftwareVersions": "27\\LX\\MR Software release:DV26.0_R01_1725.a",
    "SpacingBetweenSlices": 1.2,
    "SpoilingState": true,
    "StationName": "fmrif3tb",
    "acq_id": "FSPGR",
    "dataset": "ds004215",
    "modality": "T1w",
    "rec_id": "SCIC",
    "session_id": "01",
    "subject_id": "ON37194"
  },
  "cjv": 0.33756374265329897,
  "cnr": 4.010117392909883,
  "efc": 0.5614984830068143,
  "fber": -1.0,
  "fwhm_avg": 3.6762171724346597,
  "fwhm_x": 3.435136895992676,
  "fwhm_y": 3.916981069031638,
  "fwhm_z": 3.6765335522796643,
  "icvs_csf": 0.24504511586463884,
  "icvs_gm": 0.42321210412353916,
  "icvs_wm": 0.331742780011822,
  "inu_med": 0.5216810405254364,
  "inu_range": 0.14136886298656454,
  "provenance": {
    "md5sum": "9411d235ddd199329c3861c92a05d4eb",
    "settings": {
      "testing": false
    },
    "software": "mriqc",
    "version": "22.0.6",
    "warnings": {
      "large_rot_frame": true,
      "small_air_mask": false
    },
    "webapi_port": null,
    "webapi_url": "https://mriqc.nimh.nih.gov/api/v1"
  },
  "qi_1": 0.0,
  "qi_2": 0.0039229561547373375,
  "rpve_csf": 31.532467949113432,
  "rpve_gm": 18.402095292102583,
  "rpve_wm": 27.574148586116035,
  "size_x": 196,
  "size_y": 256,
  "size_z": 256,
  "snr_csf": 2.235955604159313,
  "snr_gm": 9.614231997325872,
  "snr_total": 11.491743922517346,
  "snr_wm": 22.625044166066854,
  "snrd_csf": 17.367022801866195,
  "snrd_gm": 51.13225920364072,
  "snrd_total": 48.34805060478336,
  "snrd_wm": 76.54486980884315,
  "spacing_x": 1.2000045776367188,
  "spacing_y": 1.0547000169754028,
  "spacing_z": 1.0547000169754028,
  "summary_bg_k": 21.83010109315634,
  "summary_bg_mad": 0.0,
  "summary_bg_mean": 4.429653935562882,
  "summary_bg_median": 0.0,
  "summary_bg_n": 725736.0,
  "summary_bg_p05": 0.0,
  "summary_bg_p95": 21.8085515499115,
  "summary_bg_stdv": 8.558854252087546,
  "summary_csf_k": 0.8192965271550259,
  "summary_csf_mad": 93.18949777359323,
  "summary_csf_mean": 230.54248702837037,
  "summary_csf_median": 226.88682380318642,
  "summary_csf_n": 26525.0,
  "summary_csf_p05": 77.1165960341692,
  "summary_csf_p95": 415.8034016042948,
  "summary_csf_stdv": 101.47005892788088,
  "summary_gm_k": 0.03334324407659128,
  "summary_gm_mad": 69.17039549737589,
  "summary_gm_mean": 665.6092415440095,
  "summary_gm_median": 668.0037227421999,
  "summary_gm_n": 22260.0,
  "summary_gm_p05": 547.4725315868855,
  "summary_gm_p95": 776.345491334796,
  "summary_gm_stdv": 69.47915529638715,
  "summary_wm_k": 0.49763178936492425,
  "summary_wm_mad": 42.89950238276318,
  "summary_wm_mean": 1000.095694249603,
  "summary_wm_median": 999.9999762475491,
  "summary_wm_n": 140654.0,
  "summary_wm_p05": 927.9928122907877,
  "summary_wm_p95": 1071.77347715199,
  "summary_wm_stdv": 44.19865057848781,
  "tpm_overlap_csf": 0.163209873336561,
  "tpm_overlap_gm": 0.46268274215639466,
  "tpm_overlap_wm": 0.5060569231269646,
  "wm2max": 0.428985704332904
}