{
  "bids_meta": {
    "AcquisitionMatrixPE": 256,
    "AcquisitionNumber": 1,
    "AcquisitionTime": "11:34:3.000000",
    "BodyPartExamined": "BRAIN",
    "CoilString": "32Ch Head",
    "ConversionSoftware": "dcm2niix",
    "ConversionSoftwareVersion": "v1.0.20211006",
    "Dcm2bidsVersion": "2.1.6",
    "DeviceSerialNumber": "000301496mr3T5mr",
    "EchoTime": 0.066833,
    "EchoTrainLength": 140,
    "FlipAngle": 90,
    "ImageOrientationPatientDICOM": [
      0,
      1,
      0,
      0,
      0,
      -1
    ],
    "ImageType": [
      "ORIGINAL",
      "PRIMARY",
      "OTHER"
    ],
    "ImagingFrequency": 127.824,
    "InPlanePhaseEncodingDirectionDICOM": "ROW",
    "InstitutionName": "NIH FMRIF",
    "MRAcquisitionType": "3D",
    "MagneticFieldStrength": 3,
    "Manufacturer": "GE",
    "ManufacturersModelName": "DISCOVERY MR750",
    "Modality": "MR",
    "ParallelReductionFactorInPlane": 2,
    "ParallelReductionOutOfPlane": 1.5,
    "PatientPosition": "HFS",
    "PercentPhaseFOV": 100,
    "PercentSampling": 100,
    "PhaseEncodingAxis": "i",
    "PixelBandwidth": 244.141,
    "ProcedureStepDescription": "MRI Brain",
    "ProtocolName": "ADNI3 FMRIF Enhanced Pro",
    "ReconMatrixPE": 256,
    "RepetitionTime": 3.202,
    "SAR": 0.4826,
    "ScanOptions": "SAT_GEMS\\EDR_GEMS\\PROMO_GEMS\\ACC_GEMS\\FS\\FR_GEMS",
    "ScanningSequence": "RM",
    "SequenceVariant": "NONE",
    "SeriesDescription": "ORIG Anat T2w CUBE (ABCD)",
    "SeriesNumber": 40004,
    "SliceThickness": 1,
    "SoftwareVersions": "27\\LX\\MR Software release:DV26.0_R03_1831.b",
    "SpacingBetweenSlices": 1,
    "StationName": "FMRI3ta",
    "acq_id": "CUBE",
    "dataset": "ds004215",
    "modality": "T2w",
    "session_id": "01",
    "subject_id": "ON85616"
  },
  "cjv": 2.1343721954036243,
  "cnr": 0.6904370910881091,
  "efc": 0.36609151697563147,
  "fber": 13693.680399999997,
  "fwhm_avg": 2.2240033333333336,
  "fwhm_x": 1.8412,
  "fwhm_y": 2.4713,
  "fwhm_z": 2.35951,
  "icvs_csf": 0.23108063089484696,
  "icvs_gm": 0.5474398059635608,
  "icvs_wm": 0.22147956314159226,
  "inu_med": 0.869282066822052,
  "inu_range": 0.4637761116027832,
  "provenance": {
    "md5sum": "f5e74f2cb4d728f6b61eea1d9ffe2706",
    "settings": {
      "testing": false
    },
    "software": "mriqc",
    "version": "22.0.6",
    "warnings": {
      "large_rot_frame": true,
      "small_air_mask": false
    },
    "webapi_port": null,
    "webapi_url": "https://mriqc.nimh.nih.gov/api/v1"
  },
  "qi_1": 0.0,
  "qi_2": 0.021523275727047774,
  "rpve_csf": 25.637074163021747,
  "rpve_gm": 14.255649314809096,
  "rpve_wm": 35.56707869842049,
  "size_x": 204,
  "size_y": 256,
  "size_z": 256,
  "snr_csf": 10.916921721844831,
  "snr_gm": 12.475241692176454,
  "snr_total": 8.329392183175784,
  "snr_wm": 1.5960131355060676,
  "snrd_csf": 90.66312542734819,
  "snrd_gm": 65.16368302512599,
  "snrd_total": 90.30190378418648,
  "snrd_wm": 115.07890290008524,
  "spacing_x": 1.0,
  "spacing_y": 1.0,
  "spacing_z": 1.0,
  "summary_bg_k": 268.41018989993296,
  "summary_bg_mad": 5.700054165997802,
  "summary_bg_mean": 3.6710292569540504,
  "summary_bg_median": 3.8446281105279922,
  "summary_bg_n": 4211378.0,
  "summary_bg_p05": 0.0,
  "summary_bg_p95": 10.80157421529293,
  "summary_bg_stdv": 5.503057584506709,
  "summary_csf_k": 1.1937051869284643,
  "summary_csf_mad": 66.22920078587923,
  "summary_csf_mean": 792.3566105220499,
  "summary_csf_median": 788.8200469315052,
  "summary_csf_n": 10707.0,
  "summary_csf_p05": 681.3596399500966,
  "summary_csf_p95": 914.475309010595,
  "summary_csf_stdv": 72.25326236807993,
  "summary_gm_k": -0.055246600290449255,
  "summary_gm_mad": 46.77663498128355,
  "summary_gm_mean": 567.026257889687,
  "summary_gm_median": 566.9605946168303,
  "summary_gm_n": 215209.0,
  "summary_gm_p05": 492.84470826387405,
  "summary_gm_p95": 640.3929915279143,
  "summary_gm_stdv": 45.44675697452152,
  "summary_wm_k": -1.66913096953819,
  "summary_wm_mad": 880.1607448702638,
  "summary_wm_mean": 833.7970784972492,
  "summary_wm_median": 1001.2510064989328,
  "summary_wm_n": 59926.0,
  "summary_wm_p05": 31.435937387868762,
  "summary_wm_p95": 1701.3089647516608,
  "summary_wm_stdv": 627.3398571277261,
  "tpm_overlap_csf": 0.09435374378868705,
  "tpm_overlap_gm": 0.34100409607883725,
  "tpm_overlap_wm": 0.04112468328650015,
  "wm2max": 0.5919792174054229
}