{
  "bids_meta": {
    "AcquisitionMatrixPE": 256,
    "AcquisitionNumber": 1,
    "AcquisitionTime": "11:34:3.000000",
    "BodyPartExamined": "BRAIN",
    "CoilString": "32Ch Head",
    "ConversionSoftware": "dcm2niix",
    "ConversionSoftwareVersion": "v1.0.20211006",
    "Dcm2bidsVersion": "2.1.6",
    "DeviceSerialNumber": "000301496mr3T5mr",
    "EchoTime": 0.066833,
    "EchoTrainLength": 140,
    "FlipAngle": 90,
    "ImageOrientationPatientDICOM": [
      0,
      1,
      0,
      0,
      0,
      -1
    ],
    "ImageType": [
      "ORIGINAL",
      "PRIMARY",
      "OTHER"
    ],
    "ImagingFrequency": 127.824,
    "InPlanePhaseEncodingDirectionDICOM": "ROW",
    "InstitutionName": "NIH FMRIF",
    "MRAcquisitionType": "3D",
    "MagneticFieldStrength": 3,
    "Manufacturer": "GE",
    "ManufacturersModelName": "DISCOVERY MR750",
    "Modality": "MR",
    "ParallelReductionFactorInPlane": 2,
    "ParallelReductionOutOfPlane": 1.5,
    "PatientPosition": "HFS",
    "PercentPhaseFOV": 100,
    "PercentSampling": 100,
    "PhaseEncodingAxis": "i",
    "PixelBandwidth": 244.141,
    "ProcedureStepDescription": "MRI Brain",
    "ProtocolName": "ADNI3 FMRIF Enhanced Pro",
    "ReconMatrixPE": 256,
    "RepetitionTime": 3.202,
    "SAR": 0.4826,
    "ScanOptions": "SAT_GEMS\\EDR_GEMS\\PROMO_GEMS\\FILTERED_GEMS\\ACC_GEMS\\FS\\FR_GEMS",
    "ScanningSequence": "RM",
    "SequenceVariant": "NONE",
    "SeriesDescription": "Anat T2w CUBE (ABCD)",
    "SeriesNumber": 4,
    "SliceThickness": 1,
    "SoftwareVersions": "27\\LX\\MR Software release:DV26.0_R03_1831.b",
    "SpacingBetweenSlices": 1,
    "StationName": "FMRI3ta",
    "acq_id": "CUBE",
    "dataset": "ds004215",
    "modality": "T2w",
    "rec_id": "SCIC",
    "session_id": "01",
    "subject_id": "ON85616"
  },
  "cjv": 1.4383917228134324,
  "cnr": 0.8102860270657617,
  "efc": 0.4177982756203363,
  "fber": 10691.36115477071,
  "fwhm_avg": 2.146336666666667,
  "fwhm_x": 1.76953,
  "fwhm_y": 2.43668,
  "fwhm_z": 2.2328,
  "icvs_csf": 0.2504658144271047,
  "icvs_gm": 0.520472034387626,
  "icvs_wm": 0.22906215118526926,
  "inu_med": 0.7758091688156128,
  "inu_range": 0.13661330938339233,
  "provenance": {
    "md5sum": "09d08140e41348a0fc27dcd4bc1d51de",
    "settings": {
      "testing": false
    },
    "software": "mriqc",
    "version": "22.0.6",
    "warnings": {
      "large_rot_frame": true,
      "small_air_mask": false
    },
    "webapi_port": null,
    "webapi_url": "https://mriqc.nimh.nih.gov/api/v1"
  },
  "qi_1": 0.0,
  "qi_2": 0.021180060678779936,
  "rpve_csf": 24.105071514834055,
  "rpve_gm": 14.78635695042442,
  "rpve_wm": 34.49271176228734,
  "size_x": 204,
  "size_y": 256,
  "size_z": 256,
  "snr_csf": 11.696488266001706,
  "snr_gm": 13.37767073341312,
  "snr_total": 8.93167731483077,
  "snr_wm": 1.7208729450774807,
  "snrd_csf": 67.64435626809689,
  "snrd_gm": 49.09808742004003,
  "snrd_total": 69.90784925480916,
  "snrd_wm": 92.98110407629059,
  "spacing_x": 1.0,
  "spacing_y": 1.0,
  "spacing_z": 1.0,
  "summary_bg_k": 215.76891380380422,
  "summary_bg_mad": 7.054330975029095,
  "summary_bg_mean": 3.5634828699889174,
  "summary_bg_median": 4.758073937147856,
  "summary_bg_n": 3148654.0,
  "summary_bg_p05": 0.0,
  "summary_bg_p95": 10.43558245152235,
  "summary_bg_stdv": 5.0012342696755665,
  "summary_csf_k": 0.8273890499097729,
  "summary_csf_mad": 60.18332609614194,
  "summary_csf_mean": 729.6995791705675,
  "summary_csf_median": 728.3760720789433,
  "summary_csf_n": 12763.0,
  "summary_csf_p05": 630.757404428348,
  "summary_csf_p95": 831.1320804297924,
  "summary_csf_stdv": 62.27061664001551,
  "summary_gm_k": 0.07664396666239304,
  "summary_gm_mad": 39.59967436224062,
  "summary_gm_mean": 528.1983567553488,
  "summary_gm_median": 528.6748819053173,
  "summary_gm_n": 183738.0,
  "summary_gm_p05": 462.7514227181673,
  "summary_gm_p95": 591.3343483433127,
  "summary_gm_stdv": 39.519095197779286,
  "summary_wm_k": -1.7499523678220168,
  "summary_wm_mad": 640.0697795796931,
  "summary_wm_mean": 806.171762425667,
  "summary_wm_median": 1001.1952970065176,
  "summary_wm_n": 64641.0,
  "summary_wm_p05": 31.99632328748703,
  "summary_wm_p95": 1439.443788241595,
  "summary_wm_stdv": 581.7905125221085,
  "tpm_overlap_csf": 0.09070086614739106,
  "tpm_overlap_gm": 0.3249947785522161,
  "tpm_overlap_wm": 0.04317019144084883,
  "wm2max": 0.6949291891215553
}