{
  "bids_meta": {
    "AcquisitionMatrixPE": 256,
    "AcquisitionNumber": 1,
    "AcquisitionTime": "11:27:26.000000",
    "BodyPartExamined": "BRAIN",
    "CoilString": "32Ch Head",
    "ConversionSoftware": "dcm2niix",
    "ConversionSoftwareVersion": "v1.0.20211006",
    "Dcm2bidsVersion": "2.1.6",
    "DeviceSerialNumber": "000301496mr3T5mr",
    "EchoTime": 0.00292,
    "FlipAngle": 8,
    "ImageOrientationPatientDICOM": [
      0,
      1,
      0,
      0,
      0,
      -1
    ],
    "ImageType": [
      "ORIGINAL",
      "PRIMARY",
      "OTHER"
    ],
    "ImagingFrequency": 127.824,
    "InPlanePhaseEncodingDirectionDICOM": "ROW",
    "InstitutionName": "NIH FMRIF",
    "InversionTime": 1.06,
    "MRAcquisitionType": "3D",
    "MagneticFieldStrength": 3,
    "Manufacturer": "GE",
    "ManufacturersModelName": "DISCOVERY MR750",
    "Modality": "MR",
    "ParallelReductionFactorInPlane": 2,
    "ParallelReductionOutOfPlane": 2,
    "PatientPosition": "HFS",
    "PercentPhaseFOV": 100,
    "PercentSampling": 100,
    "PixelBandwidth": 244.141,
    "ProcedureStepDescription": "MRI Brain",
    "ProtocolName": "ADNI3 FMRIF Enhanced Pro",
    "ReconMatrixPE": 256,
    "RepetitionTime": 0.006952,
    "SAR": 0.0987539,
    "ScanOptions": "EDR_GEMS\\PROMO_GEMS\\ACC_GEMS\\IR_GEMS",
    "ScanningSequence": "RM",
    "SequenceVariant": "NONE",
    "SeriesDescription": "ORIG Anat T1w MP-RAGE 1mm (ABCD)",
    "SeriesNumber": 40003,
    "SliceThickness": 1,
    "SoftwareVersions": "27\\LX\\MR Software release:DV26.0_R03_1831.b",
    "SpacingBetweenSlices": 1,
    "StationName": "FMRI3ta",
    "acq_id": "MPRAGE",
    "dataset": "ds004215",
    "modality": "T1w",
    "session_id": "01",
    "subject_id": "ON85616"
  },
  "cjv": 0.37020215085840347,
  "cnr": 3.617419389940101,
  "efc": 0.4091934901614391,
  "fber": 8846.074298469388,
  "fwhm_avg": 3.6292733344525416,
  "fwhm_x": 3.592360003357625,
  "fwhm_y": 3.66583,
  "fwhm_z": 3.62963,
  "icvs_csf": 0.23112903430442353,
  "icvs_gm": 0.4178358936603623,
  "icvs_wm": 0.3510350720352142,
  "inu_med": 0.7892041802406311,
  "inu_range": 0.43113262653350815,
  "provenance": {
    "md5sum": "8cd225cbb4fc558c108be5d13a60a731",
    "settings": {
      "testing": false
    },
    "software": "mriqc",
    "version": "22.0.6",
    "warnings": {
      "large_rot_frame": true,
      "small_air_mask": false
    },
    "webapi_port": null,
    "webapi_url": "https://mriqc.nimh.nih.gov/api/v1"
  },
  "qi_1": 0.0,
  "qi_2": 0.0018268589520313977,
  "rpve_csf": 30.203960440147902,
  "rpve_gm": 16.758017865636408,
  "rpve_wm": 23.2601922536129,
  "size_x": 208,
  "size_y": 256,
  "size_z": 256,
  "snr_csf": 1.0180853385652597,
  "snr_gm": 7.9993867686930455,
  "snr_total": 9.597675196074984,
  "snr_wm": 19.775553480966646,
  "snrd_csf": 7.9751857180359,
  "snrd_gm": 41.05783194759203,
  "snrd_total": 37.36482761309432,
  "snrd_wm": 63.06146517365502,
  "spacing_x": 0.9997940063476562,
  "spacing_y": 1.0,
  "spacing_z": 1.0,
  "summary_bg_k": 1.9032853830237473,
  "summary_bg_mad": 10.388855054034966,
  "summary_bg_mean": 11.454411554352507,
  "summary_bg_median": 7.007176250219345,
  "summary_bg_n": 4355594.0,
  "summary_bg_p05": 0.0,
  "summary_bg_p95": 33.00970980525017,
  "summary_bg_stdv": 11.074881644838783,
  "summary_csf_k": 15.378268161749062,
  "summary_csf_mad": 93.56227895049562,
  "summary_csf_mean": 165.7078526231848,
  "summary_csf_median": 126.46686774492264,
  "summary_csf_n": 33288.0,
  "summary_csf_p05": 31.758126818388707,
  "summary_csf_p95": 406.16084048673486,
  "summary_csf_stdv": 124.21843567890248,
  "summary_gm_k": 0.10022661652246923,
  "summary_gm_mad": 80.23200107995679,
  "summary_gm_mean": 652.372071032379,
  "summary_gm_median": 651.0764245986938,
  "summary_gm_n": 21069.0,
  "summary_gm_p05": 520.1519796729087,
  "summary_gm_p95": 789.261317205429,
  "summary_gm_stdv": 81.3888604450902,
  "summary_wm_k": 0.3802687564195302,
  "summary_wm_mad": 48.94026898949002,
  "summary_wm_mean": 999.7236128339271,
  "summary_wm_median": 1000.0000323355198,
  "summary_wm_n": 180062.0,
  "summary_wm_p05": 916.5048840045929,
  "summary_wm_p95": 1081.6800687462091,
  "summary_wm_stdv": 50.56734601500402,
  "tpm_overlap_csf": 0.15014497641026572,
  "tpm_overlap_gm": 0.4664957272726847,
  "tpm_overlap_wm": 0.5165487880375856,
  "wm2max": 0.5210601561640823
}