{
  "bids_meta": {
    "AcquisitionMatrixPE": 256,
    "AcquisitionNumber": 1,
    "AcquisitionTime": "15:13:46.000000",
    "BodyPartExamined": "BRAIN",
    "CoilString": "32Ch Head",
    "ConversionSoftware": "dcm2niix",
    "ConversionSoftwareVersion": "v1.0.20211006",
    "Dcm2bidsVersion": "2.1.6",
    "DeviceSerialNumber": "000301496MR3T6MR",
    "EchoTime": 0.066226,
    "EchoTrainLength": 140,
    "FlipAngle": 90,
    "ImageOrientationPatientDICOM": [
      0,
      1,
      0,
      0,
      0,
      -1
    ],
    "ImageType": [
      "ORIGINAL",
      "PRIMARY",
      "OTHER"
    ],
    "ImagingFrequency": 127.696,
    "InPlanePhaseEncodingDirectionDICOM": "ROW",
    "InstitutionName": "NIH FMRIF",
    "MRAcquisitionType": "3D",
    "MagneticFieldStrength": 3,
    "Manufacturer": "GE",
    "ManufacturersModelName": "DISCOVERY MR750",
    "Modality": "MR",
    "ParallelReductionFactorInPlane": 2,
    "ParallelReductionOutOfPlane": 1.5,
    "PatientPosition": "HFS",
    "PercentPhaseFOV": 100,
    "PercentSampling": 100,
    "PhaseEncodingAxis": "i",
    "PixelBandwidth": 244.141,
    "ProcedureStepDescription": "MRI Brain",
    "ProtocolName": "ADNI3 FMRIF Enhanced Pro",
    "ReconMatrixPE": 256,
    "RepetitionTime": 3.202,
    "SAR": 0.4326,
    "ScanOptions": "SAT_GEMS\\EDR_GEMS\\PROMO_GEMS\\ACC_GEMS\\FS\\FR_GEMS",
    "ScanningSequence": "RM",
    "SequenceVariant": "NONE",
    "SeriesDescription": "ORIG Anat T2w CUBE (ABCD)",
    "SeriesNumber": 40004,
    "SliceThickness": 1,
    "SoftwareVersions": "27\\LX\\MR Software release:DV26.0_R03_1831.b",
    "SpacingBetweenSlices": 1,
    "StationName": "FMRI3tb",
    "acq_id": "CUBE",
    "dataset": "ds004215",
    "modality": "T2w",
    "session_id": "01",
    "subject_id": "ON94856"
  },
  "cjv": 0.4407042074744335,
  "cnr": 1.467397227045305,
  "efc": 0.3545664436660582,
  "fber": 11093.213294375457,
  "fwhm_avg": 2.4628833333333335,
  "fwhm_x": 2.08332,
  "fwhm_y": 2.73147,
  "fwhm_z": 2.57386,
  "icvs_csf": 0.2902622048582232,
  "icvs_gm": 0.2246163156605205,
  "icvs_wm": 0.48512147948125633,
  "inu_med": 0.9083922207355499,
  "inu_range": 0.46073025465011597,
  "provenance": {
    "md5sum": "5267c208790b25d336587ba36b43facb",
    "settings": {
      "testing": false
    },
    "software": "mriqc",
    "version": "22.0.6",
    "warnings": {
      "large_rot_frame": true,
      "small_air_mask": false
    },
    "webapi_port": null,
    "webapi_url": "https://mriqc.nimh.nih.gov/api/v1"
  },
  "qi_1": 0.0,
  "qi_2": 0.021576700618400762,
  "rpve_csf": 22.567154036769903,
  "rpve_gm": 36.197742873195395,
  "rpve_wm": 16.374263199427972,
  "size_x": 204,
  "size_y": 256,
  "size_z": 256,
  "snr_csf": 11.270846181446267,
  "snr_gm": 2.3440040675196103,
  "snr_total": 8.526259844454563,
  "snr_wm": 11.963929284397812,
  "snrd_csf": 71.33819867942806,
  "snrd_gm": 137.49466627227568,
  "snrd_total": 86.67317532879797,
  "snrd_wm": 51.18666103469011,
  "spacing_x": 1.0,
  "spacing_y": 1.0,
  "spacing_z": 1.0,
  "summary_bg_k": 89.17833003233878,
  "summary_bg_mad": 0.0,
  "summary_bg_mean": 8.536081088369357,
  "summary_bg_median": 0.0,
  "summary_bg_n": 4394281.0,
  "summary_bg_p05": 0.0,
  "summary_bg_p95": 33.47094438225031,
  "summary_bg_stdv": 12.799780644404578,
  "summary_csf_k": 0.2526745873242291,
  "summary_csf_mad": 121.14117649758705,
  "summary_csf_mean": 1396.3958633901248,
  "summary_csf_median": 1393.775852881372,
  "summary_csf_n": 15262.0,
  "summary_csf_p05": 1199.050536128506,
  "summary_csf_p95": 1602.7310844138265,
  "summary_csf_stdv": 123.6579905410496,
  "summary_gm_k": -0.6700997366915011,
  "summary_gm_mad": 659.6144122546423,
  "summary_gm_mean": 2230.289713503471,
  "summary_gm_median": 2686.313213646412,
  "summary_gm_n": 67501.0,
  "summary_gm_p05": 86.56716734915972,
  "summary_gm_p95": 3531.2799006700516,
  "summary_gm_stdv": 1146.0275826627308,
  "summary_wm_k": 0.05139556900423026,
  "summary_wm_mad": 83.52290987435656,
  "summary_wm_mean": 1001.0821957394784,
  "summary_wm_median": 1000.063548848033,
  "summary_wm_n": 162302.0,
  "summary_wm_p05": 865.036551207304,
  "summary_wm_p95": 1139.2188413366675,
  "summary_wm_stdv": 83.58963382330687,
  "tpm_overlap_csf": 0.10297876666974834,
  "tpm_overlap_gm": 0.12935677322438796,
  "tpm_overlap_wm": 0.4671794193051266,
  "wm2max": 0.28397097721390413
}