{
  "bids_meta": {
    "AcquisitionMatrixPE": 256,
    "AcquisitionNumber": 1,
    "AcquisitionTime": "15:07:12.000000",
    "BodyPartExamined": "BRAIN",
    "CoilString": "32Ch Head",
    "ConversionSoftware": "dcm2niix",
    "ConversionSoftwareVersion": "v1.0.20211006",
    "Dcm2bidsVersion": "2.1.6",
    "DeviceSerialNumber": "000301496MR3T6MR",
    "EchoTime": 0.00292,
    "FlipAngle": 8,
    "ImageOrientationPatientDICOM": [
      0,
      1,
      0,
      0,
      0,
      -1
    ],
    "ImageType": [
      "ORIGINAL",
      "PRIMARY",
      "OTHER"
    ],
    "ImagingFrequency": 127.696,
    "InPlanePhaseEncodingDirectionDICOM": "ROW",
    "InstitutionName": "NIH FMRIF",
    "InversionTime": 1.06,
    "MRAcquisitionType": "3D",
    "MagneticFieldStrength": 3,
    "Manufacturer": "GE",
    "ManufacturersModelName": "DISCOVERY MR750",
    "Modality": "MR",
    "ParallelReductionFactorInPlane": 2,
    "ParallelReductionOutOfPlane": 2,
    "PatientPosition": "HFS",
    "PercentPhaseFOV": 100,
    "PercentSampling": 100,
    "PixelBandwidth": 244.141,
    "ProcedureStepDescription": "MRI Brain",
    "ProtocolName": "ADNI3 FMRIF Enhanced Pro",
    "ReconMatrixPE": 256,
    "RepetitionTime": 0.006952,
    "SAR": 0.108999,
    "ScanOptions": "EDR_GEMS\\PROMO_GEMS\\ACC_GEMS\\IR_GEMS",
    "ScanningSequence": "RM",
    "SequenceVariant": "NONE",
    "SeriesDescription": "ORIG Anat T1w MP-RAGE 1mm (ABCD)",
    "SeriesNumber": 40003,
    "SliceThickness": 1,
    "SoftwareVersions": "27\\LX\\MR Software release:DV26.0_R03_1831.b",
    "SpacingBetweenSlices": 1,
    "StationName": "FMRI3tb",
    "acq_id": "MPRAGE",
    "dataset": "ds004215",
    "modality": "T1w",
    "session_id": "01",
    "subject_id": "ON94856"
  },
  "cjv": 0.4266884851198888,
  "cnr": 3.1513705998487174,
  "efc": 0.400621743822438,
  "fber": 5821.69,
  "fwhm_avg": 3.84998,
  "fwhm_x": 3.79114,
  "fwhm_y": 4.02231,
  "fwhm_z": 3.73649,
  "icvs_csf": 0.23581816371584396,
  "icvs_gm": 0.3920276145794809,
  "icvs_wm": 0.37215422170467516,
  "inu_med": 0.8406787812709808,
  "inu_range": 0.4631497979164123,
  "provenance": {
    "md5sum": "366d977ff20cd41b327cb5cf81c9f0bd",
    "settings": {
      "testing": false
    },
    "software": "mriqc",
    "version": "22.0.6",
    "warnings": {
      "large_rot_frame": true,
      "small_air_mask": false
    },
    "webapi_port": null,
    "webapi_url": "https://mriqc.nimh.nih.gov/api/v1"
  },
  "qi_1": 0.0,
  "qi_2": 0.0015897042444025845,
  "rpve_csf": 31.139720082207194,
  "rpve_gm": 18.05926448386993,
  "rpve_wm": 22.781470824871967,
  "size_x": 208,
  "size_y": 256,
  "size_z": 256,
  "snr_csf": 1.0810012248572696,
  "snr_gm": 7.576287447944762,
  "snr_total": 8.949581196118762,
  "snr_wm": 18.191454915554257,
  "snrd_csf": 5.8010204710028335,
  "snrd_gm": 34.245915975477914,
  "snrd_total": 30.39043630503885,
  "snrd_wm": 51.124372468635805,
  "spacing_x": 1.0,
  "spacing_y": 1.0,
  "spacing_z": 1.0,
  "summary_bg_k": 1.6795229501333901,
  "summary_bg_mad": 12.814560943048999,
  "summary_bg_mean": 11.409368959716,
  "summary_bg_median": 8.643290009349585,
  "summary_bg_n": 4575245.0,
  "summary_bg_p05": 0.0,
  "summary_bg_p95": 33.38521970435977,
  "summary_bg_stdv": 11.689623074339986,
  "summary_csf_k": 2.4550559498273277,
  "summary_csf_mad": 66.80576794954455,
  "summary_csf_mean": 144.53959573966918,
  "summary_csf_median": 113.46878353506327,
  "summary_csf_n": 43926.0,
  "summary_csf_p05": 36.375552266836166,
  "summary_csf_p95": 380.96017576754093,
  "summary_csf_stdv": 104.96518350613279,
  "summary_gm_k": -0.023958242191416623,
  "summary_gm_mad": 87.12079465783786,
  "summary_gm_mean": 668.4451946978922,
  "summary_gm_median": 669.8549757245928,
  "summary_gm_n": 18170.0,
  "summary_gm_p05": 520.4366599041969,
  "summary_gm_p95": 813.5978041952476,
  "summary_gm_stdv": 88.41223977838874,
  "summary_wm_k": 0.24146691961982647,
  "summary_wm_mad": 53.748276941224475,
  "summary_wm_mean": 1000.5735229350339,
  "summary_wm_median": 999.999979659915,
  "summary_wm_n": 185252.0,
  "summary_wm_p05": 911.5189065784216,
  "summary_wm_p95": 1091.5942756831646,
  "summary_wm_stdv": 54.970714836838454,
  "tpm_overlap_csf": 0.160763929382581,
  "tpm_overlap_gm": 0.45338286186241633,
  "tpm_overlap_wm": 0.518144051645529,
  "wm2max": 0.4527112232030265
}