{
  "bids_meta": {
    "AcquisitionMatrixPE": 256,
    "AcquisitionNumber": 1,
    "AcquisitionTime": "09:14:11.000000",
    "BodyPartExamined": "BRAIN",
    "CoilString": "32Ch Head",
    "ConversionSoftware": "dcm2niix",
    "ConversionSoftwareVersion": "v1.0.20211006",
    "Dcm2bidsVersion": "2.1.6",
    "DeviceSerialNumber": "000301496mr3T5mr",
    "EchoTime": 0.066023,
    "EchoTrainLength": 140,
    "FlipAngle": 90,
    "ImageOrientationPatientDICOM": [
      0,
      1,
      0,
      0,
      0,
      -1
    ],
    "ImageType": [
      "ORIGINAL",
      "PRIMARY",
      "OTHER"
    ],
    "ImagingFrequency": 127.824,
    "InPlanePhaseEncodingDirectionDICOM": "ROW",
    "InstitutionName": "NIH FMRIF",
    "MRAcquisitionType": "3D",
    "MagneticFieldStrength": 3,
    "Manufacturer": "GE",
    "ManufacturersModelName": "DISCOVERY MR750",
    "Modality": "MR",
    "ParallelReductionFactorInPlane": 2,
    "ParallelReductionOutOfPlane": 1.5,
    "PatientPosition": "HFS",
    "PercentPhaseFOV": 100,
    "PercentSampling": 100,
    "PhaseEncodingAxis": "i",
    "PixelBandwidth": 244.141,
    "ProcedureStepDescription": "MRI Brain",
    "ProtocolName": "ADNI3 FMRIF Enhanced Pro",
    "ReconMatrixPE": 256,
    "RepetitionTime": 3.202,
    "SAR": 0.4357,
    "ScanOptions": "SAT_GEMS\\EDR_GEMS\\PROMO_GEMS\\FILTERED_GEMS\\ACC_GEMS\\FS\\FR_GEMS",
    "ScanningSequence": "RM",
    "SequenceVariant": "NONE",
    "SeriesDescription": "Anat T2w CUBE (ABCD)",
    "SeriesNumber": 4,
    "SliceThickness": 1,
    "SoftwareVersions": "27\\LX\\MR Software release:DV26.0_R03_1831.b",
    "SpacingBetweenSlices": 1,
    "StationName": "FMRI3ta",
    "acq_id": "CUBE",
    "dataset": "ds004215",
    "modality": "T2w",
    "rec_id": "SCIC",
    "session_id": "01",
    "subject_id": "ON88614"
  },
  "cjv": 0.21395517959157145,
  "cnr": 4.847212892821337,
  "efc": 0.4095286692443872,
  "fber": 6433.003812927112,
  "fwhm_avg": 2.2854499999999995,
  "fwhm_x": 1.89509,
  "fwhm_y": 2.52182,
  "fwhm_z": 2.43944,
  "icvs_csf": 0.22480187741151386,
  "icvs_gm": 0.7046722385879524,
  "icvs_wm": 0.07052588400053378,
  "inu_med": 0.7176111340522766,
  "inu_range": 0.13225636780261985,
  "provenance": {
    "md5sum": "5eccf6ad7e86b301a6ef974c65d2eadf",
    "settings": {
      "testing": false
    },
    "software": "mriqc",
    "version": "22.0.6",
    "warnings": {
      "large_rot_frame": true,
      "small_air_mask": false
    },
    "webapi_port": null,
    "webapi_url": "https://mriqc.nimh.nih.gov/api/v1"
  },
  "qi_1": 0.0,
  "qi_2": 0.008904684237201891,
  "rpve_csf": 27.082741271845848,
  "rpve_gm": 11.84686935540699,
  "rpve_wm": 99.92089507558748,
  "size_x": 204,
  "size_y": 256,
  "size_z": 256,
  "snr_csf": 6.748509564719406,
  "snr_gm": 9.581154798818938,
  "snr_total": 5.7126885248056745,
  "snr_wm": 0.8084012108786803,
  "snrd_csf": 124.56906124772222,
  "snrd_gm": 44.42073834311953,
  "snrd_total": 58.10025665235798,
  "snrd_wm": 5.310970366232197,
  "spacing_x": 1.0,
  "spacing_y": 1.0,
  "spacing_z": 1.0,
  "summary_bg_k": 210.92521699195228,
  "summary_bg_mad": 123.59899710830203,
  "summary_bg_mean": 101.7273853601018,
  "summary_bg_median": 83.36625668406487,
  "summary_bg_n": 3278797.0,
  "summary_bg_p05": 0.0,
  "summary_bg_p95": 259.97628861665726,
  "summary_bg_stdv": 126.32876586086375,
  "summary_csf_k": 5.792989653192416,
  "summary_csf_mad": 1569.88299644668,
  "summary_csf_mean": 22097.199937405574,
  "summary_csf_median": 23501.382370054722,
  "summary_csf_n": 43129.0,
  "summary_csf_p05": 14371.710491144657,
  "summary_csf_p95": 24934.807864129543,
  "summary_csf_stdv": 3482.414848578213,
  "summary_gm_k": 0.11051408567047094,
  "summary_gm_mad": 866.3645342330744,
  "summary_gm_mean": 8452.04571469285,
  "summary_gm_median": 8380.4818508327,
  "summary_gm_n": 397571.0,
  "summary_gm_p05": 7134.72920948267,
  "summary_gm_p95": 9999.60469391942,
  "summary_gm_stdv": 874.6828004756869,
  "summary_wm_k": 6.642684624955612,
  "summary_wm_mad": 712.305120775807,
  "summary_wm_mean": 1416.342207517144,
  "summary_wm_median": 1001.9754831790924,
  "summary_wm_n": 11741.0,
  "summary_wm_p05": 283.28723242878914,
  "summary_wm_p95": 4035.1638839542866,
  "summary_wm_stdv": 1239.4004348948092,
  "tpm_overlap_csf": 0.17047713133289275,
  "tpm_overlap_gm": 0.42123399412067486,
  "tpm_overlap_wm": 0.018843064437577457,
  "wm2max": 0.0402303409108936
}