{
  "bids_meta": {
    "AcquisitionMatrixPE": 256,
    "AcquisitionNumber": 1,
    "AcquisitionTime": "09:07:36.000000",
    "BodyPartExamined": "BRAIN",
    "CoilString": "32Ch Head",
    "ConversionSoftware": "dcm2niix",
    "ConversionSoftwareVersion": "v1.0.20211006",
    "Dcm2bidsVersion": "2.1.6",
    "DeviceSerialNumber": "000301496mr3T5mr",
    "EchoTime": 0.00292,
    "FlipAngle": 8,
    "ImageOrientationPatientDICOM": [
      0,
      1,
      0,
      0,
      0,
      -1
    ],
    "ImageType": [
      "ORIGINAL",
      "PRIMARY",
      "OTHER"
    ],
    "ImagingFrequency": 127.824,
    "InPlanePhaseEncodingDirectionDICOM": "ROW",
    "InstitutionName": "NIH FMRIF",
    "InversionTime": 1.06,
    "MRAcquisitionType": "3D",
    "MagneticFieldStrength": 3,
    "Manufacturer": "GE",
    "ManufacturersModelName": "DISCOVERY MR750",
    "Modality": "MR",
    "ParallelReductionFactorInPlane": 2,
    "ParallelReductionOutOfPlane": 2,
    "PatientPosition": "HFS",
    "PercentPhaseFOV": 100,
    "PercentSampling": 100,
    "PixelBandwidth": 244.141,
    "ProcedureStepDescription": "MRI Brain",
    "ProtocolName": "ADNI3 FMRIF Enhanced Pro",
    "ReconMatrixPE": 256,
    "RepetitionTime": 0.006952,
    "SAR": 0.104229,
    "ScanOptions": "EDR_GEMS\\PROMO_GEMS\\ACC_GEMS\\IR_GEMS",
    "ScanningSequence": "RM",
    "SequenceVariant": "NONE",
    "SeriesDescription": "ORIG Anat T1w MP-RAGE 1mm (ABCD)",
    "SeriesNumber": 40003,
    "SliceThickness": 1,
    "SoftwareVersions": "27\\LX\\MR Software release:DV26.0_R03_1831.b",
    "SpacingBetweenSlices": 1,
    "StationName": "FMRI3ta",
    "acq_id": "MPRAGE",
    "dataset": "ds004215",
    "modality": "T1w",
    "session_id": "01",
    "subject_id": "ON88614"
  },
  "cjv": 0.37234469551845445,
  "cnr": 3.587952861412362,
  "efc": 0.399461279336316,
  "fber": 4176.967653858418,
  "fwhm_avg": 3.685363333333333,
  "fwhm_x": 3.6683,
  "fwhm_y": 3.73332,
  "fwhm_z": 3.65447,
  "icvs_csf": 0.2543496111850686,
  "icvs_gm": 0.39631341646720614,
  "icvs_wm": 0.34933697234772526,
  "inu_med": 0.8427634239196777,
  "inu_range": 0.4434976577758787,
  "provenance": {
    "md5sum": "a42347892594146d910c0ddc446a989d",
    "settings": {
      "testing": false
    },
    "software": "mriqc",
    "version": "22.0.6",
    "warnings": {
      "large_rot_frame": true,
      "small_air_mask": false
    },
    "webapi_port": null,
    "webapi_url": "https://mriqc.nimh.nih.gov/api/v1"
  },
  "qi_1": 0.0,
  "qi_2": 0.001630664468982758,
  "rpve_csf": 27.923033836281903,
  "rpve_gm": 17.01740967540535,
  "rpve_wm": 22.796922301130394,
  "size_x": 208,
  "size_y": 256,
  "size_z": 256,
  "snr_csf": 1.2237016820314153,
  "snr_gm": 7.8169432839527335,
  "snr_total": 9.327548470204421,
  "snr_wm": 18.94200044462912,
  "snrd_csf": 5.389355815024394,
  "snrd_gm": 29.779671461604277,
  "snrd_total": 27.09407333738209,
  "snrd_wm": 46.11319273551759,
  "spacing_x": 1.0,
  "spacing_y": 1.0,
  "spacing_z": 1.0,
  "summary_bg_k": 1.7839479035231856,
  "summary_bg_mad": 14.20713571013605,
  "summary_bg_mean": 11.443944635146694,
  "summary_bg_median": 9.582567416131496,
  "summary_bg_n": 4753532.0,
  "summary_bg_p05": 0.0,
  "summary_bg_p95": 33.03579177707434,
  "summary_bg_stdv": 11.571384114474316,
  "summary_csf_k": 2.5441992307272345,
  "summary_csf_mad": 66.6243304763001,
  "summary_csf_mean": 142.03500312724734,
  "summary_csf_median": 116.87231766432524,
  "summary_csf_n": 50511.0,
  "summary_csf_p05": 37.039467204362154,
  "summary_csf_p95": 348.9761024080217,
  "summary_csf_stdv": 95.50625162574283,
  "summary_gm_k": 0.1164301075183456,
  "summary_gm_mad": 81.28557554703411,
  "summary_gm_mean": 646.027053494167,
  "summary_gm_median": 645.7950342223048,
  "summary_gm_n": 17325.0,
  "summary_gm_p05": 512.6367275521159,
  "summary_gm_p95": 784.3090772017836,
  "summary_gm_stdv": 82.61239372373765,
  "summary_wm_k": 0.408474331854932,
  "summary_wm_mad": 50.600757323772235,
  "summary_wm_mean": 1000.0465749508752,
  "summary_wm_median": 999.99998049438,
  "summary_wm_n": 178897.0,
  "summary_wm_p05": 913.8356345772744,
  "summary_wm_p95": 1086.330599270761,
  "summary_wm_stdv": 52.79258589975068,
  "tpm_overlap_csf": 0.1547915161315162,
  "tpm_overlap_gm": 0.4523896857135999,
  "tpm_overlap_wm": 0.5177349755826568,
  "wm2max": 0.4313214811459631
}