{
  "bids_meta": {
    "AcquisitionMatrixPE": 256,
    "AcquisitionNumber": 1,
    "AcquisitionTime": "09:07:36.000000",
    "BodyPartExamined": "BRAIN",
    "CoilString": "32Ch Head",
    "ConversionSoftware": "dcm2niix",
    "ConversionSoftwareVersion": "v1.0.20211006",
    "Dcm2bidsVersion": "2.1.6",
    "DeviceSerialNumber": "000301496mr3T5mr",
    "EchoTime": 0.00292,
    "FlipAngle": 8,
    "ImageOrientationPatientDICOM": [
      0,
      1,
      0,
      0,
      0,
      -1
    ],
    "ImageType": [
      "ORIGINAL",
      "PRIMARY",
      "OTHER"
    ],
    "ImagingFrequency": 127.824,
    "InPlanePhaseEncodingDirectionDICOM": "ROW",
    "InstitutionName": "NIH FMRIF",
    "InversionTime": 1.06,
    "MRAcquisitionType": "3D",
    "MagneticFieldStrength": 3,
    "Manufacturer": "GE",
    "ManufacturersModelName": "DISCOVERY MR750",
    "Modality": "MR",
    "ParallelReductionFactorInPlane": 2,
    "ParallelReductionOutOfPlane": 2,
    "PatientPosition": "HFS",
    "PercentPhaseFOV": 100,
    "PercentSampling": 100,
    "PixelBandwidth": 244.141,
    "ProcedureStepDescription": "MRI Brain",
    "ProtocolName": "ADNI3 FMRIF Enhanced Pro",
    "ReconMatrixPE": 256,
    "RepetitionTime": 0.006952,
    "SAR": 0.104229,
    "ScanOptions": "EDR_GEMS\\PROMO_GEMS\\FILTERED_GEMS\\ACC_GEMS\\IR_GEMS",
    "ScanningSequence": "RM",
    "SequenceVariant": "NONE",
    "SeriesDescription": "Anat T1w MP-RAGE 1mm (ABCD)",
    "SeriesNumber": 3,
    "SliceThickness": 1,
    "SoftwareVersions": "27\\LX\\MR Software release:DV26.0_R03_1831.b",
    "SpacingBetweenSlices": 1,
    "StationName": "FMRI3ta",
    "acq_id": "MPRAGE",
    "dataset": "ds004215",
    "modality": "T1w",
    "rec_id": "SCIC",
    "session_id": "01",
    "subject_id": "ON88614"
  },
  "cjv": 0.3562708673086663,
  "cnr": 3.7470467380184966,
  "efc": 0.6416062879707861,
  "fber": 12897.002808899104,
  "fwhm_avg": 3.526063333333333,
  "fwhm_x": 3.47599,
  "fwhm_y": 3.63535,
  "fwhm_z": 3.46685,
  "icvs_csf": 0.25764844502637513,
  "icvs_gm": 0.39879090181309207,
  "icvs_wm": 0.3435606531605328,
  "inu_med": 0.452391117811203,
  "inu_range": 0.06873497366905212,
  "provenance": {
    "md5sum": "1ee9cf6f6cf3c708e8cbc11c9b89b273",
    "settings": {
      "testing": false
    },
    "software": "mriqc",
    "version": "22.0.6",
    "warnings": {
      "large_rot_frame": true,
      "small_air_mask": false
    },
    "webapi_port": null,
    "webapi_url": "https://mriqc.nimh.nih.gov/api/v1"
  },
  "qi_1": 0.0,
  "qi_2": 0.004416524726611933,
  "rpve_csf": 27.34116835688344,
  "rpve_gm": 16.819825413091774,
  "rpve_wm": 23.053579107496454,
  "size_x": 208,
  "size_y": 256,
  "size_z": 256,
  "snr_csf": 1.7383482100864494,
  "snr_gm": 8.346742348116878,
  "snr_total": 10.2586779325916,
  "snr_wm": 20.69094323957147,
  "snrd_csf": 9.341166211340036,
  "snrd_gm": 39.28938651766069,
  "snrd_total": 36.26544738236505,
  "snrd_wm": 60.165789418094434,
  "spacing_x": 1.0,
  "spacing_y": 1.0,
  "spacing_z": 1.0,
  "summary_bg_k": 4.867529438440507,
  "summary_bg_mad": 0.0,
  "summary_bg_mean": 6.462791379398988,
  "summary_bg_median": 0.0,
  "summary_bg_n": 895499.0,
  "summary_bg_p05": 0.0,
  "summary_bg_p95": 31.088726595044136,
  "summary_bg_stdv": 10.888852170117154,
  "summary_csf_k": 2.653941688425677,
  "summary_csf_mad": 65.86577526404663,
  "summary_csf_mean": 175.0510206863101,
  "summary_csf_median": 155.25710061565042,
  "summary_csf_n": 56728.0,
  "summary_csf_p05": 70.72685300372541,
  "summary_csf_p95": 365.9143120236695,
  "summary_csf_stdv": 89.31221677815292,
  "summary_gm_k": 0.15713913238977328,
  "summary_gm_mad": 77.15836794402664,
  "summary_gm_mean": 653.1066567139494,
  "summary_gm_median": 653.0187021289021,
  "summary_gm_n": 19947.0,
  "summary_gm_p05": 525.1196809168905,
  "summary_gm_p95": 781.5115180188791,
  "summary_gm_stdv": 78.23439443126877,
  "summary_wm_k": 0.35827494913724856,
  "summary_wm_mad": 46.460952740489155,
  "summary_wm_mean": 999.2545404408451,
  "summary_wm_median": 999.9999796561897,
  "summary_wm_n": 179851.0,
  "summary_wm_p05": 918.4231610707939,
  "summary_wm_p95": 1077.006755432114,
  "summary_wm_stdv": 48.33018910712682,
  "tpm_overlap_csf": 0.15524876444335753,
  "tpm_overlap_gm": 0.4523333209822875,
  "tpm_overlap_wm": 0.5198037079945544,
  "wm2max": 0.5874424720578567
}