{
  "aor": 0.0019730150753768843,
  "aqi": 0.0016707926331658294,
  "bids_meta": {
    "AcquisitionMatrixPE": 64,
    "AcquisitionNumber": 1,
    "AcquisitionTime": "15:53:40.000000",
    "BodyPartExamined": "BRAIN",
    "CoilString": "32Ch Head",
    "ConversionSoftware": "dcm2niix",
    "ConversionSoftwareVersion": "v1.0.20211006",
    "Dcm2bidsVersion": "2.1.6",
    "DeviceSerialNumber": "000301496MR3T6MR",
    "EchoTime": 0.0169,
    "EffectiveEchoSpacing": 0.000416,
    "FlipAngle": 90,
    "ImageOrientationPatientDICOM": [
      1,
      0,
      0,
      0,
      1,
      0
    ],
    "ImageType": [
      "ORIGINAL",
      "PRIMARY",
      "OTHER"
    ],
    "ImagingFrequency": 127.697,
    "InPlanePhaseEncodingDirectionDICOM": "COL",
    "InstitutionName": "NIH FMRIF",
    "InternalPulseSequenceName": "EPI",
    "MRAcquisitionType": "2D",
    "MagneticFieldStrength": 3,
    "Manufacturer": "GE",
    "ManufacturersModelName": "DISCOVERY MR750",
    "Modality": "MR",
    "PatientPosition": "HFS",
    "PercentPhaseFOV": 100,
    "PercentSampling": 100,
    "PhaseEncodingDirection": "j",
    "PhaseEncodingPolarityGE": "Flipped",
    "PixelBandwidth": 7812.5,
    "ProcedureStepDescription": "MRI Brain",
    "ProtocolName": "ADNI3 FMRIF Enhanced Pro",
    "PulseSequenceName": "epi",
    "ReconMatrixPE": 64,
    "RepetitionTime": 3,
    "SAR": 0.163324,
    "ScanOptions": "MP_GEMS\\EPI_GEMS\\PFF",
    "ScanningSequence": "EP\\GR",
    "SequenceVariant": "SS",
    "SeriesDescription": "Axial rsfMRI with Eyes Open - RKV",
    "SeriesNumber": 10,
    "SliceThickness": 3.4,
    "SliceTiming": [
      0,
      1.5,
      0.0625,
      1.5625,
      0.125,
      1.625,
      0.1875,
      1.6875,
      0.25,
      1.75,
      0.3125,
      1.8125,
      0.375,
      1.875,
      0.4375,
      1.9375,
      0.5,
      2,
      0.5625,
      2.0625,
      0.625,
      2.125,
      0.6875,
      2.1875,
      0.75,
      2.25,
      0.8125,
      2.3125,
      0.875,
      2.375,
      0.9375,
      2.4375,
      1,
      2.5,
      1.0625,
      2.5625,
      1.125,
      2.625,
      1.1875,
      2.6875,
      1.25,
      2.75,
      1.3125,
      2.8125,
      1.375,
      2.875,
      1.4375,
      2.9375
    ],
    "SoftwareVersions": "27\\LX\\MR Software release:DV26.0_R03_1831.b",
    "SpacingBetweenSlices": 3.4,
    "StationName": "FMRI3tb",
    "TaskName": "Resting state with eyes open.",
    "TotalReadoutTime": 0.026208,
    "TriggerDelayTime": 599938,
    "dataset": "ds004215",
    "modality": "bold",
    "session_id": "01",
    "subject_id": "ON85305",
    "task_id": "rest"
  },
  "dummy_trs": 1,
  "dvars_nstd": 10.229750329797973,
  "dvars_std": 1.1339024497979797,
  "dvars_vstd": 0.956692359545454,
  "efc": 0.46389893282503236,
  "fber": 4643.638671875,
  "fd_mean": 0.05000346136005818,
  "fd_num": 5,
  "fd_perc": 2.512562814070352,
  "fwhm_avg": 2.7355561511503415,
  "fwhm_x": 2.6653818181818183,
  "fwhm_y": 2.5480232727272725,
  "fwhm_z": 2.9932633625419336,
  "gcor": 0.035973,
  "gsr_x": -0.01721761003136635,
  "gsr_y": 0.048588816076517105,
  "provenance": {
    "md5sum": "a8e82703320e4642b7efa6a9ca139a44",
    "settings": {
      "fd_thres": 0.2,
      "testing": false
    },
    "software": "mriqc",
    "version": "22.0.6",
    "webapi_port": null,
    "webapi_url": "https://mriqc.nimh.nih.gov/api/v1"
  },
  "size_t": 199,
  "size_x": 64,
  "size_y": 64,
  "size_z": 48,
  "snr": 4.017472294183014,
  "spacing_tr": 3.0,
  "spacing_x": 3.4375,
  "spacing_y": 3.4375,
  "spacing_z": 3.4000015258789062,
  "summary_bg_k": 27.749655743811523,
  "summary_bg_mad": 10.7954292863177,
  "summary_bg_mean": 134.3738555908203,
  "summary_bg_median": 35.28140640258789,
  "summary_bg_n": 133390.0,
  "summary_bg_p05": 24.527637481689453,
  "summary_bg_p95": 661.7720855712889,
  "summary_bg_stdv": 261.4144287109375,
  "summary_fg_k": 1.6458446615753957,
  "summary_fg_mad": 531.5165149685809,
  "summary_fg_mean": 2476.72900390625,
  "summary_fg_median": 2398.15576171875,
  "summary_fg_n": 26767.0,
  "summary_fg_p05": 1626.1452392578126,
  "summary_fg_p95": 3554.370849609371,
  "summary_fg_stdv": 596.9203491210938,
  "tsnr": 119.56128669134341
}