{
  "aor": 0.03321111111111111,
  "aqi": 0.0008660168888888889,
  "bids_meta": {
    "AcquisitionMatrixPE": 64,
    "AcquisitionNumber": 1,
    "AcquisitionTime": "16:04:26.000000",
    "BodyPartExamined": "BRAIN",
    "CoilString": "32Ch Head",
    "ConversionSoftware": "dcm2niix",
    "ConversionSoftwareVersion": "v1.0.20211006",
    "Dcm2bidsVersion": "2.1.6",
    "DeviceSerialNumber": "000301496MR3T6MR",
    "EchoTime": 0.0169,
    "EffectiveEchoSpacing": 0.000416,
    "FlipAngle": 90,
    "ImageOrientationPatientDICOM": [
      1,
      0,
      0,
      0,
      1,
      0
    ],
    "ImageType": [
      "ORIGINAL",
      "PRIMARY",
      "OTHER"
    ],
    "ImagingFrequency": 127.697,
    "InPlanePhaseEncodingDirectionDICOM": "COL",
    "InstitutionName": "NIH FMRIF",
    "InternalPulseSequenceName": "EPI",
    "MRAcquisitionType": "2D",
    "MagneticFieldStrength": 3,
    "Manufacturer": "GE",
    "ManufacturersModelName": "DISCOVERY MR750",
    "Modality": "MR",
    "PatientPosition": "HFS",
    "PercentPhaseFOV": 100,
    "PercentSampling": 100,
    "PhaseEncodingDirection": "j-",
    "PhaseEncodingPolarityGE": "Unflipped",
    "PixelBandwidth": 7812.5,
    "ProcedureStepDescription": "MRI Brain",
    "ProtocolName": "ADNI3 FMRIF Enhanced Pro",
    "PulseSequenceName": "epi",
    "ReconMatrixPE": 64,
    "RepetitionTime": 3,
    "SAR": 0.161718,
    "ScanOptions": "MP_GEMS\\EPI_GEMS\\PFF",
    "ScanningSequence": "EP\\GR",
    "SequenceVariant": "SS",
    "SeriesDescription": "Axial rsfMRI reverse blip - RKV",
    "SeriesNumber": 11,
    "SliceThickness": 3.4,
    "SliceTiming": [
      0,
      1.5,
      0.0625,
      1.5625,
      0.125,
      1.625,
      0.1875,
      1.6875,
      0.25,
      1.75,
      0.3125,
      1.8125,
      0.375,
      1.875,
      0.4375,
      1.9375,
      0.5,
      2,
      0.5625,
      2.0625,
      0.625,
      2.125,
      0.6875,
      2.1875,
      0.75,
      2.25,
      0.8125,
      2.3125,
      0.875,
      2.375,
      0.9375,
      2.4375,
      1,
      2.5,
      1.0625,
      2.5625,
      1.125,
      2.625,
      1.1875,
      2.6875,
      1.25,
      2.75,
      1.3125,
      2.8125,
      1.375,
      2.875,
      1.4375,
      2.9375
    ],
    "SoftwareVersions": "27\\LX\\MR Software release:DV26.0_R03_1831.b",
    "SpacingBetweenSlices": 3.4,
    "StationName": "FMRI3tb",
    "TaskName": "Resting state with reverse blip.",
    "TotalReadoutTime": 0.026208,
    "TriggerDelayTime": 29938,
    "dataset": "ds004215",
    "modality": "bold",
    "session_id": "01",
    "subject_id": "ON85305",
    "task_id": "rest"
  },
  "dummy_trs": 1,
  "dvars_nstd": 10.16011136875,
  "dvars_std": 1.3202146300000002,
  "dvars_vstd": 1.33828699375,
  "efc": 0.47094681106385705,
  "fber": 4801.1630859375,
  "fd_mean": 0.03611323029963605,
  "fd_num": 0,
  "fd_perc": 0.0,
  "fwhm_avg": 2.560912989340272,
  "fwhm_x": 2.5066792727272724,
  "fwhm_y": 2.4952785454545454,
  "fwhm_z": 2.6807811498389977,
  "gcor": 0.00366582,
  "gsr_x": -0.016299529001116753,
  "gsr_y": 0.05837836116552353,
  "provenance": {
    "md5sum": "2fa2870debd3cbb66e577edb0b18905a",
    "settings": {
      "fd_thres": 0.2,
      "testing": false
    },
    "software": "mriqc",
    "version": "22.0.6",
    "webapi_port": null,
    "webapi_url": "https://mriqc.nimh.nih.gov/api/v1"
  },
  "size_t": 9,
  "size_x": 64,
  "size_y": 64,
  "size_z": 48,
  "snr": 4.648090519658211,
  "spacing_tr": 3.0,
  "spacing_x": 3.4375,
  "spacing_y": 3.4375,
  "spacing_z": 3.4000015258789062,
  "summary_bg_k": 23.94338614302207,
  "summary_bg_mad": 10.048749626688775,
  "summary_bg_mean": 132.9605255126953,
  "summary_bg_median": 34.55555725097656,
  "summary_bg_n": 132590.0,
  "summary_bg_p05": 25.0,
  "summary_bg_p95": 654.7777709960938,
  "summary_bg_stdv": 256.0349426269531,
  "summary_fg_k": 2.9561562277837847,
  "summary_fg_mad": 431.9313256701546,
  "summary_fg_mean": 2451.898681640625,
  "summary_fg_median": 2380.888916015625,
  "summary_fg_n": 27509.0,
  "summary_fg_p05": 1736.77783203125,
  "summary_fg_p95": 3359.400048828125,
  "summary_fg_stdv": 512.2201538085938,
  "tsnr": 213.80713246576488
}