{
  "aor": 0.03668333333333333,
  "aqi": 0.0009768336666666666,
  "bids_meta": {
    "AcquisitionMatrixPE": 64,
    "AcquisitionNumber": 1,
    "AcquisitionTime": "16:10:48.000000",
    "BodyPartExamined": "BRAIN",
    "CoilString": "32Ch Head",
    "ConversionSoftware": "dcm2niix",
    "ConversionSoftwareVersion": "v1.0.20211006",
    "Dcm2bidsVersion": "2.1.6",
    "DeviceSerialNumber": "000301496MR3T6MR",
    "EchoTime": 0.0169,
    "EffectiveEchoSpacing": 0.000416,
    "FlipAngle": 90,
    "ImageOrientationPatientDICOM": [
      1,
      0,
      0,
      0,
      1,
      0
    ],
    "ImageType": [
      "ORIGINAL",
      "PRIMARY",
      "OTHER"
    ],
    "ImagingFrequency": 127.696,
    "InPlanePhaseEncodingDirectionDICOM": "COL",
    "InstitutionName": "NIH FMRIF",
    "InternalPulseSequenceName": "EPI",
    "MRAcquisitionType": "2D",
    "MagneticFieldStrength": 3,
    "Manufacturer": "GE",
    "ManufacturersModelName": "DISCOVERY MR750",
    "Modality": "MR",
    "PatientPosition": "HFS",
    "PercentPhaseFOV": 100,
    "PercentSampling": 100,
    "PhaseEncodingDirection": "j-",
    "PhaseEncodingPolarityGE": "Unflipped",
    "PixelBandwidth": 7812.5,
    "ProcedureStepDescription": "MRI Brain",
    "ProtocolName": "ADNI3 FMRIF Enhanced Pro",
    "PulseSequenceName": "epi",
    "ReconMatrixPE": 64,
    "RepetitionTime": 3,
    "SAR": 0.149026,
    "ScanOptions": "MP_GEMS\\EPI_GEMS\\PFF",
    "ScanningSequence": "EP\\GR",
    "SequenceVariant": "SS",
    "SeriesDescription": "Axial rsfMRI reverse blip - RKV",
    "SeriesNumber": 11,
    "SliceThickness": 3.4,
    "SliceTiming": [
      0,
      1.5,
      0.0625,
      1.5625,
      0.125,
      1.625,
      0.1875,
      1.6875,
      0.25,
      1.75,
      0.3125,
      1.8125,
      0.375,
      1.875,
      0.4375,
      1.9375,
      0.5,
      2,
      0.5625,
      2.0625,
      0.625,
      2.125,
      0.6875,
      2.1875,
      0.75,
      2.25,
      0.8125,
      2.3125,
      0.875,
      2.375,
      0.9375,
      2.4375,
      1,
      2.5,
      1.0625,
      2.5625,
      1.125,
      2.625,
      1.1875,
      2.6875,
      1.25,
      2.75,
      1.3125,
      2.8125,
      1.375,
      2.875,
      1.4375,
      2.9375
    ],
    "SoftwareVersions": "27\\LX\\MR Software release:DV26.0_R03_1831.b",
    "SpacingBetweenSlices": 3.4,
    "StationName": "FMRI3tb",
    "TaskName": "Resting state with reverse blip.",
    "TotalReadoutTime": 0.026208,
    "TriggerDelayTime": 29938,
    "dataset": "ds004215",
    "modality": "bold",
    "session_id": "01",
    "subject_id": "ON86202",
    "task_id": "rest"
  },
  "dummy_trs": 1,
  "dvars_nstd": 12.96184229875,
  "dvars_std": 1.4092906425,
  "dvars_vstd": 1.38695980625,
  "efc": 0.4499678746851734,
  "fber": 6340.70947265625,
  "fd_mean": 0.06472397782712289,
  "fd_num": 0,
  "fd_perc": 0.0,
  "fwhm_avg": 2.5853404620888027,
  "fwhm_x": 2.4821120000000003,
  "fwhm_y": 2.515584,
  "fwhm_z": 2.7583253862664074,
  "gcor": 0.0373807,
  "gsr_x": -0.008424569852650166,
  "gsr_y": 0.029035774990916252,
  "provenance": {
    "md5sum": "2c0f1efb7a2d0ec4d340697f2be13f7a",
    "settings": {
      "fd_thres": 0.2,
      "testing": false
    },
    "software": "mriqc",
    "version": "22.0.6",
    "webapi_port": null,
    "webapi_url": "https://mriqc.nimh.nih.gov/api/v1"
  },
  "size_t": 9,
  "size_x": 64,
  "size_y": 64,
  "size_z": 48,
  "snr": 4.88223691982975,
  "spacing_tr": 3.0,
  "spacing_x": 3.4375,
  "spacing_y": 3.4375,
  "spacing_z": 3.3999977111816406,
  "summary_bg_k": 20.673785737096804,
  "summary_bg_mad": 7.742476995378448,
  "summary_bg_mean": 115.72943878173828,
  "summary_bg_median": 31.66666603088379,
  "summary_bg_n": 135021.0,
  "summary_bg_p05": 23.66666603088379,
  "summary_bg_p95": 617.1111450195312,
  "summary_bg_stdv": 234.5870361328125,
  "summary_fg_k": 0.35342303296239796,
  "summary_fg_mad": 474.84462430769577,
  "summary_fg_mean": 2588.831787109375,
  "summary_fg_median": 2526.444580078125,
  "summary_fg_n": 26216.0,
  "summary_fg_p05": 1804.7500305175781,
  "summary_fg_p95": 3534.4166259765625,
  "summary_fg_stdv": 517.4669799804688,
  "tsnr": 190.30026707053185
}