{
  "bids_meta": {
    "AcquisitionMatrixPE": 256,
    "AcquisitionNumber": 1,
    "AcquisitionTime": "15:49:39.000000",
    "BodyPartExamined": "BRAIN",
    "CoilString": "32Ch Head",
    "ConversionSoftware": "dcm2niix",
    "ConversionSoftwareVersion": "v1.0.20211006",
    "Dcm2bidsVersion": "2.1.6",
    "DeviceSerialNumber": "000301496MR3T6MR",
    "EchoTime": 0.067109,
    "EchoTrainLength": 140,
    "FlipAngle": 90,
    "ImageOrientationPatientDICOM": [
      0,
      1,
      0,
      0,
      0,
      -1
    ],
    "ImageType": [
      "ORIGINAL",
      "PRIMARY",
      "OTHER"
    ],
    "ImagingFrequency": 127.697,
    "InPlanePhaseEncodingDirectionDICOM": "ROW",
    "InstitutionName": "NIH FMRIF",
    "MRAcquisitionType": "3D",
    "MagneticFieldStrength": 3,
    "Manufacturer": "GE",
    "ManufacturersModelName": "DISCOVERY MR750",
    "Modality": "MR",
    "ParallelReductionFactorInPlane": 2,
    "ParallelReductionOutOfPlane": 1.5,
    "PatientPosition": "HFS",
    "PercentPhaseFOV": 100,
    "PercentSampling": 100,
    "PhaseEncodingAxis": "i",
    "PixelBandwidth": 244.141,
    "ProcedureStepDescription": "MRI Brain",
    "ProtocolName": "ADNI3 FMRIF Enhanced Pro",
    "ReconMatrixPE": 256,
    "RepetitionTime": 3.202,
    "SAR": 0.4434,
    "ScanOptions": "SAT_GEMS\\EDR_GEMS\\PROMO_GEMS\\ACC_GEMS\\FS\\FR_GEMS",
    "ScanningSequence": "RM",
    "SequenceVariant": "NONE",
    "SeriesDescription": "Sag_CUBE_T2",
    "SeriesNumber": 4,
    "SliceThickness": 1,
    "SoftwareVersions": "27\\LX\\MR Software release:DV26.0_R01_1725.a",
    "SpacingBetweenSlices": 1,
    "StationName": "fmrif3tb",
    "acq_id": "CUBE",
    "dataset": "ds004215",
    "modality": "T2w",
    "session_id": "01",
    "subject_id": "ON86779"
  },
  "cjv": 1.4354954135956484,
  "cnr": 0.9280165069752766,
  "efc": 0.35099835627633924,
  "fber": -1.0,
  "fwhm_avg": 2.3118933333333334,
  "fwhm_x": 1.97201,
  "fwhm_y": 2.52435,
  "fwhm_z": 2.43932,
  "icvs_csf": 0.26726801753019325,
  "icvs_gm": 0.5320756167892804,
  "icvs_wm": 0.20065636568052633,
  "inu_med": 0.8756040930747986,
  "inu_range": 0.5293278694152832,
  "provenance": {
    "md5sum": "1b7195127ef263c4a18397ddeadc9c6a",
    "settings": {
      "testing": false
    },
    "software": "mriqc",
    "version": "22.0.6",
    "warnings": {
      "large_rot_frame": true,
      "small_air_mask": false
    },
    "webapi_port": null,
    "webapi_url": "https://mriqc.nimh.nih.gov/api/v1"
  },
  "qi_1": 0.0,
  "qi_2": 0.017031884573431237,
  "rpve_csf": 23.83305091333074,
  "rpve_gm": 14.991642108125397,
  "rpve_wm": 39.50235672132826,
  "size_x": 236,
  "size_y": 256,
  "size_z": 256,
  "snr_csf": 12.183244605056942,
  "snr_gm": 11.439970001836341,
  "snr_total": 8.462795989734131,
  "snr_wm": 1.765173362309112,
  "snrd_csf": 121.89055122583329,
  "snrd_gm": 87.8089910656714,
  "snrd_total": 131.79895545235445,
  "snrd_wm": 185.6973240655586,
  "spacing_x": 1.0,
  "spacing_y": 1.0,
  "spacing_z": 1.0,
  "summary_bg_k": 312.08273801243433,
  "summary_bg_mad": 0.0,
  "summary_bg_mean": 2.082710680941699,
  "summary_bg_median": 0.0,
  "summary_bg_n": 4814248.0,
  "summary_bg_p05": 0.0,
  "summary_bg_p95": 8.176682457327843,
  "summary_bg_stdv": 3.5290516990667604,
  "summary_csf_k": 0.4320079596191766,
  "summary_csf_mad": 50.90743265609416,
  "summary_csf_mean": 658.0405337285567,
  "summary_csf_median": 656.5931261088699,
  "summary_csf_n": 16927.0,
  "summary_csf_p05": 572.3208113366738,
  "summary_csf_p95": 749.680236057192,
  "summary_csf_stdv": 53.89153318842523,
  "summary_gm_k": -0.06755854908041226,
  "summary_gm_mad": 42.34777583781284,
  "summary_gm_mean": 473.5173523031419,
  "summary_gm_median": 473.0045058000833,
  "summary_gm_n": 211454.0,
  "summary_gm_p05": 406.7623283248395,
  "summary_gm_p95": 541.7052127979696,
  "summary_gm_stdv": 41.34655836209491,
  "summary_wm_k": -1.4239320534484203,
  "summary_wm_mad": 714.5880007912557,
  "summary_wm_mean": 864.1710209175557,
  "summary_wm_median": 1000.3038405524567,
  "summary_wm_n": 49968.0,
  "summary_wm_p05": 38.379303284082575,
  "summary_wm_p95": 1641.5518750902265,
  "summary_wm_stdv": 566.6830535836957,
  "tpm_overlap_csf": 0.10121839971471384,
  "tpm_overlap_gm": 0.33954571721516535,
  "tpm_overlap_wm": 0.044605452914706537,
  "wm2max": 0.6325843156421157
}