{
  "aor": 0.03412333333333333,
  "aqi": 0.0008450485555555556,
  "bids_meta": {
    "AcquisitionMatrixPE": 64,
    "AcquisitionNumber": 1,
    "AcquisitionTime": "16:42:43.000000",
    "BodyPartExamined": "BRAIN",
    "CoilString": "32Ch Head",
    "ConversionSoftware": "dcm2niix",
    "ConversionSoftwareVersion": "v1.0.20211006",
    "Dcm2bidsVersion": "2.1.6",
    "DeviceSerialNumber": "000301496MR3T6MR",
    "EchoTime": 0.0169,
    "EffectiveEchoSpacing": 0.000416,
    "FlipAngle": 90,
    "ImageOrientationPatientDICOM": [
      1,
      0,
      0,
      0,
      1,
      0
    ],
    "ImageType": [
      "ORIGINAL",
      "PRIMARY",
      "OTHER"
    ],
    "ImagingFrequency": 127.697,
    "InPlanePhaseEncodingDirectionDICOM": "COL",
    "InstitutionName": "NIH FMRIF",
    "InternalPulseSequenceName": "EPI",
    "MRAcquisitionType": "2D",
    "MagneticFieldStrength": 3,
    "Manufacturer": "GE",
    "ManufacturersModelName": "DISCOVERY MR750",
    "Modality": "MR",
    "PatientPosition": "HFS",
    "PercentPhaseFOV": 100,
    "PercentSampling": 100,
    "PhaseEncodingDirection": "j-",
    "PhaseEncodingPolarityGE": "Unflipped",
    "PixelBandwidth": 7812.5,
    "ProcedureStepDescription": "MRI Brain",
    "ProtocolName": "ADNI3 FMRIF Enhanced Pro",
    "PulseSequenceName": "epi",
    "ReconMatrixPE": 64,
    "RepetitionTime": 3,
    "SAR": 0.206152,
    "ScanOptions": "MP_GEMS\\EPI_GEMS\\PFF",
    "ScanningSequence": "EP\\GR",
    "SequenceVariant": "SS",
    "SeriesDescription": "Axial rsfMRI reverse blip - RKV",
    "SeriesNumber": 11,
    "SliceThickness": 3.4,
    "SliceTiming": [
      0,
      1.5,
      0.0625,
      1.5625,
      0.125,
      1.625,
      0.1875,
      1.6875,
      0.25,
      1.75,
      0.3125,
      1.8125,
      0.375,
      1.875,
      0.4375,
      1.9375,
      0.5,
      2,
      0.5625,
      2.0625,
      0.625,
      2.125,
      0.6875,
      2.1875,
      0.75,
      2.25,
      0.8125,
      2.3125,
      0.875,
      2.375,
      0.9375,
      2.4375,
      1,
      2.5,
      1.0625,
      2.5625,
      1.125,
      2.625,
      1.1875,
      2.6875,
      1.25,
      2.75,
      1.3125,
      2.8125,
      1.375,
      2.875,
      1.4375,
      2.9375
    ],
    "SoftwareVersions": "27\\LX\\MR Software release:DV26.0_R03_1831.b",
    "SpacingBetweenSlices": 3.4,
    "StationName": "FMRI3tb",
    "TaskName": "Resting state with reverse blip.",
    "TotalReadoutTime": 0.026208,
    "TriggerDelayTime": 29938,
    "dataset": "ds004215",
    "modality": "bold",
    "session_id": "01",
    "subject_id": "ON30080",
    "task_id": "rest"
  },
  "dummy_trs": 1,
  "dvars_nstd": 13.040988683749998,
  "dvars_std": 1.41716031625,
  "dvars_vstd": 1.3420651262499999,
  "efc": 0.5031926767102459,
  "fber": 3502.04296875,
  "fd_mean": 0.04376082697564485,
  "fd_num": 0,
  "fd_perc": 0.0,
  "fwhm_avg": 2.748077345793312,
  "fwhm_x": 2.646269090909091,
  "fwhm_y": 2.726176,
  "fwhm_z": 2.8717869464708454,
  "gcor": 0.0141886,
  "gsr_x": -0.0030601287726312876,
  "gsr_y": 0.08352715522050858,
  "provenance": {
    "md5sum": "74e2ef523f1b363d13dd62b78d955526",
    "settings": {
      "fd_thres": 0.2,
      "testing": false
    },
    "software": "mriqc",
    "version": "22.0.6",
    "webapi_port": null,
    "webapi_url": "https://mriqc.nimh.nih.gov/api/v1"
  },
  "size_t": 9,
  "size_x": 64,
  "size_y": 64,
  "size_z": 48,
  "snr": 4.059523293917001,
  "spacing_tr": 3.0,
  "spacing_x": 3.4375,
  "spacing_y": 3.4375,
  "spacing_z": 3.4000015258789062,
  "summary_bg_k": 12.632492419655678,
  "summary_bg_mad": 16.30862440356162,
  "summary_bg_mean": 181.92254638671875,
  "summary_bg_median": 40.11111068725586,
  "summary_bg_n": 128316.0,
  "summary_bg_p05": 25.55555534362793,
  "summary_bg_p95": 893.888916015625,
  "summary_bg_stdv": 327.6574401855469,
  "summary_fg_k": 0.9724898802464947,
  "summary_fg_mad": 515.1217432681432,
  "summary_fg_mean": 2475.008544921875,
  "summary_fg_median": 2399.888916015625,
  "summary_fg_n": 27495.0,
  "summary_fg_p05": 1614.5555419921875,
  "summary_fg_p95": 3557.399975585937,
  "summary_fg_stdv": 591.164306640625,
  "tsnr": 178.02400034107268
}