{
  "bids_meta": {
    "AcquisitionMatrixPE": 256,
    "AcquisitionNumber": 1,
    "AcquisitionTime": "15:44:14.000000",
    "BodyPartExamined": "BRAIN",
    "CoilString": "32Ch Head",
    "ConversionSoftware": "dcm2niix",
    "ConversionSoftwareVersion": "v1.0.20211006",
    "Dcm2bidsVersion": "2.1.6",
    "DeviceSerialNumber": "000301496MR3T6MR",
    "EchoTime": 0.058622,
    "EchoTrainLength": 140,
    "FlipAngle": 90,
    "ImageOrientationPatientDICOM": [
      0,
      1,
      0,
      0,
      0,
      -1
    ],
    "ImageType": [
      "ORIGINAL",
      "PRIMARY",
      "OTHER"
    ],
    "ImagingFrequency": 127.696,
    "InPlanePhaseEncodingDirectionDICOM": "ROW",
    "InstitutionName": "NIH FMRIF",
    "MRAcquisitionType": "3D",
    "MagneticFieldStrength": 3,
    "Manufacturer": "GE",
    "ManufacturersModelName": "DISCOVERY MR750",
    "Modality": "MR",
    "ParallelReductionFactorInPlane": 2,
    "ParallelReductionOutOfPlane": 1.5,
    "PatientPosition": "HFS",
    "PercentPhaseFOV": 100,
    "PercentSampling": 100,
    "PhaseEncodingAxis": "i",
    "PixelBandwidth": 244.141,
    "ProcedureStepDescription": "MRI Brain",
    "ProtocolName": "ADNI3 FMRIF Enhanced Pro",
    "ReconMatrixPE": 256,
    "RepetitionTime": 3.202,
    "SAR": 0.4068,
    "ScanOptions": "SAT_GEMS\\EDR_GEMS\\PROMO_GEMS\\ACC_GEMS\\FS\\FR_GEMS",
    "ScanningSequence": "RM",
    "SequenceVariant": "NONE",
    "SeriesDescription": "ORIG Anat T2w CUBE (ABCD)",
    "SeriesNumber": 40004,
    "SliceThickness": 1,
    "SoftwareVersions": "27\\LX\\MR Software release:DV26.0_R03_1831.b",
    "SpacingBetweenSlices": 1,
    "StationName": "FMRI3tb",
    "acq_id": "CUBE",
    "dataset": "ds004215",
    "modality": "T2w",
    "session_id": "01",
    "subject_id": "ON52733"
  },
  "cjv": 1.7237243535044968,
  "cnr": 0.422052102505466,
  "efc": 0.43142549725670326,
  "fber": 9298.469387755102,
  "fwhm_avg": 2.426536666666667,
  "fwhm_x": 2.0307,
  "fwhm_y": 2.71771,
  "fwhm_z": 2.5312,
  "icvs_csf": 0.3100414785720514,
  "icvs_gm": 0.5128310723876774,
  "icvs_wm": 0.17712744904027117,
  "inu_med": 0.959040105342865,
  "inu_range": 0.554417312145233,
  "provenance": {
    "md5sum": "3cf0370d59eec87cc896f7bb9bbb1f41",
    "settings": {
      "testing": false
    },
    "software": "mriqc",
    "version": "22.0.6",
    "warnings": {
      "large_rot_frame": true,
      "small_air_mask": false
    },
    "webapi_port": null,
    "webapi_url": "https://mriqc.nimh.nih.gov/api/v1"
  },
  "qi_1": 0.0,
  "qi_2": 0.015927788385799228,
  "rpve_csf": 17.37548419162023,
  "rpve_gm": 12.520074561166597,
  "rpve_wm": 37.896015863816636,
  "size_x": 204,
  "size_y": 256,
  "size_z": 256,
  "snr_csf": 12.031485533799431,
  "snr_gm": 12.85800663914496,
  "snr_total": 8.460707315228204,
  "snr_wm": 0.49262977274021524,
  "snrd_csf": 76.99884811883229,
  "snrd_gm": 54.73166377240378,
  "snrd_total": 53.724294622121285,
  "snrd_wm": 29.44237197512778,
  "spacing_x": 1.0,
  "spacing_y": 1.0,
  "spacing_z": 1.0,
  "summary_bg_k": 3.1402286377098623,
  "summary_bg_mad": 22.299460348593968,
  "summary_bg_mean": 17.661112693996937,
  "summary_bg_median": 15.040757440030575,
  "summary_bg_n": 3963027.0,
  "summary_bg_p05": 0.0,
  "summary_bg_p95": 59.32158878445625,
  "summary_bg_stdv": 21.565901197452057,
  "summary_csf_k": 0.6189554459489544,
  "summary_csf_mad": 205.52929188424372,
  "summary_csf_mean": 2631.7340309953697,
  "summary_csf_median": 2620.878278955817,
  "summary_csf_n": 28911.0,
  "summary_csf_p05": 2299.4478262513876,
  "summary_csf_p95": 3008.992928981781,
  "summary_csf_stdv": 217.8312016865076,
  "summary_gm_k": -0.12670622204978255,
  "summary_gm_mad": 148.76702917873178,
  "summary_gm_mean": 1864.3914813152164,
  "summary_gm_median": 1862.9503201246262,
  "summary_gm_n": 199849.0,
  "summary_gm_p05": 1629.7659897431731,
  "summary_gm_p95": 2103.6024391651154,
  "summary_gm_stdv": 144.88603960993933,
  "summary_wm_k": -1.3132092829491409,
  "summary_wm_mad": 1335.0047555546362,
  "summary_wm_mean": 2138.77341173138,
  "summary_wm_median": 1002.156202018261,
  "summary_wm_n": 47807.0,
  "summary_wm_p05": 92.80042160376908,
  "summary_wm_p95": 5553.699763615428,
  "summary_wm_stdv": 2034.2776180955225,
  "tpm_overlap_csf": 0.10049985097639061,
  "tpm_overlap_gm": 0.3238811348022291,
  "tpm_overlap_wm": 0.033592448237997084,
  "wm2max": 0.18051608502898717
}