{
  "bids_meta": {
    "AcquisitionMatrixPE": 256,
    "AcquisitionNumber": 1,
    "AcquisitionTime": "15:37:25.000000",
    "BodyPartExamined": "BRAIN",
    "CoilString": "32Ch Head",
    "ConversionSoftware": "dcm2niix",
    "ConversionSoftwareVersion": "v1.0.20211006",
    "Dcm2bidsVersion": "2.1.6",
    "DeviceSerialNumber": "000301496MR3T6MR",
    "EchoTime": 0.00292,
    "FlipAngle": 8,
    "ImageOrientationPatientDICOM": [
      0,
      1,
      0,
      0,
      0,
      -1
    ],
    "ImageType": [
      "ORIGINAL",
      "PRIMARY",
      "OTHER"
    ],
    "ImagingFrequency": 127.696,
    "InPlanePhaseEncodingDirectionDICOM": "ROW",
    "InstitutionName": "NIH FMRIF",
    "InversionTime": 1.06,
    "MRAcquisitionType": "3D",
    "MagneticFieldStrength": 3,
    "Manufacturer": "GE",
    "ManufacturersModelName": "DISCOVERY MR750",
    "Modality": "MR",
    "ParallelReductionFactorInPlane": 2,
    "ParallelReductionOutOfPlane": 2,
    "PatientPosition": "HFS",
    "PercentPhaseFOV": 100,
    "PercentSampling": 100,
    "PixelBandwidth": 244.141,
    "ProcedureStepDescription": "MRI Brain",
    "ProtocolName": "ADNI3 FMRIF Enhanced Pro",
    "ReconMatrixPE": 256,
    "RepetitionTime": 0.006952,
    "SAR": 0.129189,
    "ScanOptions": "EDR_GEMS\\PROMO_GEMS\\ACC_GEMS\\IR_GEMS",
    "ScanningSequence": "RM",
    "SequenceVariant": "NONE",
    "SeriesDescription": "ORIG Anat T1w MP-RAGE 1mm (ABCD)",
    "SeriesNumber": 40003,
    "SliceThickness": 1,
    "SoftwareVersions": "27\\LX\\MR Software release:DV26.0_R03_1831.b",
    "SpacingBetweenSlices": 1,
    "StationName": "FMRI3tb",
    "acq_id": "MPRAGE",
    "dataset": "ds004215",
    "modality": "T1w",
    "session_id": "01",
    "subject_id": "ON52733"
  },
  "cjv": 0.37812977521264274,
  "cnr": 3.5497317418762977,
  "efc": 0.4712590293115056,
  "fber": 2621.246796012816,
  "fwhm_avg": 3.5784766666666665,
  "fwhm_x": 3.48347,
  "fwhm_y": 3.72417,
  "fwhm_z": 3.52779,
  "icvs_csf": 0.21063435851345005,
  "icvs_gm": 0.4403860741707631,
  "icvs_wm": 0.3489795673157869,
  "inu_med": 0.8797827363014221,
  "inu_range": 0.5784412145614619,
  "provenance": {
    "md5sum": "35f95f9c64e637d998d83c676ee46ae2",
    "settings": {
      "testing": false
    },
    "software": "mriqc",
    "version": "22.0.6",
    "warnings": {
      "large_rot_frame": true,
      "small_air_mask": false
    },
    "webapi_port": null,
    "webapi_url": "https://mriqc.nimh.nih.gov/api/v1"
  },
  "qi_1": 0.0,
  "qi_2": 0.0014202288008464082,
  "rpve_csf": 26.25253822368957,
  "rpve_gm": 13.388099240006488,
  "rpve_wm": 19.737063578763383,
  "size_x": 208,
  "size_y": 256,
  "size_z": 256,
  "snr_csf": 1.0897092339979162,
  "snr_gm": 7.557545315849494,
  "snr_total": 8.749204691057443,
  "snr_wm": 17.60035952332492,
  "snrd_csf": 5.887268045706895,
  "snrd_gm": 30.644281820344542,
  "snrd_total": 28.22518260479733,
  "snrd_wm": 48.143997948340555,
  "spacing_x": 1.0,
  "spacing_y": 1.0,
  "spacing_z": 1.0,
  "summary_bg_k": 1.367509659387606,
  "summary_bg_mad": 13.607851883621482,
  "summary_bg_mean": 13.772735328454685,
  "summary_bg_median": 12.264528930187225,
  "summary_bg_n": 4098080.0,
  "summary_bg_p05": 0.0,
  "summary_bg_p95": 38.316632866859436,
  "summary_bg_stdv": 12.812716688546283,
  "summary_csf_k": 2.348658071527854,
  "summary_csf_mad": 70.77271438162963,
  "summary_csf_mean": 157.47274100661406,
  "summary_csf_median": 122.2845678627491,
  "summary_csf_n": 27855.0,
  "summary_csf_p05": 40.80160278081894,
  "summary_csf_p95": 403.7915789544582,
  "summary_csf_stdv": 112.21559752628143,
  "summary_gm_k": -0.015809129707197833,
  "summary_gm_mad": 83.84575985934458,
  "summary_gm_mean": 634.7455684349532,
  "summary_gm_median": 636.513019412756,
  "summary_gm_n": 27078.0,
  "summary_gm_p05": 493.49498483240603,
  "summary_gm_p95": 773.5250420317051,
  "summary_gm_stdv": 84.22063505795936,
  "summary_wm_k": 0.7504429016845586,
  "summary_wm_mad": 53.59948645863133,
  "summary_wm_mean": 1000.7829731573921,
  "summary_wm_median": 999.9999895691872,
  "summary_wm_n": 205625.0,
  "summary_wm_p05": 909.6593091487885,
  "summary_wm_p95": 1093.707403421402,
  "summary_wm_stdv": 56.81688244095608,
  "tpm_overlap_csf": 0.15165602565324393,
  "tpm_overlap_gm": 0.4583373535365662,
  "tpm_overlap_wm": 0.4973997655711117,
  "wm2max": 0.5262158856034083
}