{
  "bids_meta": {
    "AcquisitionMatrixPE": 256,
    "AcquisitionNumber": 1,
    "AcquisitionTime": "15:37:25.000000",
    "BodyPartExamined": "BRAIN",
    "CoilString": "32Ch Head",
    "ConversionSoftware": "dcm2niix",
    "ConversionSoftwareVersion": "v1.0.20211006",
    "Dcm2bidsVersion": "2.1.6",
    "DeviceSerialNumber": "000301496MR3T6MR",
    "EchoTime": 0.00292,
    "FlipAngle": 8,
    "ImageOrientationPatientDICOM": [
      0,
      1,
      0,
      0,
      0,
      -1
    ],
    "ImageType": [
      "ORIGINAL",
      "PRIMARY",
      "OTHER"
    ],
    "ImagingFrequency": 127.696,
    "InPlanePhaseEncodingDirectionDICOM": "ROW",
    "InstitutionName": "NIH FMRIF",
    "InversionTime": 1.06,
    "MRAcquisitionType": "3D",
    "MagneticFieldStrength": 3,
    "Manufacturer": "GE",
    "ManufacturersModelName": "DISCOVERY MR750",
    "Modality": "MR",
    "ParallelReductionFactorInPlane": 2,
    "ParallelReductionOutOfPlane": 2,
    "PatientPosition": "HFS",
    "PercentPhaseFOV": 100,
    "PercentSampling": 100,
    "PixelBandwidth": 244.141,
    "ProcedureStepDescription": "MRI Brain",
    "ProtocolName": "ADNI3 FMRIF Enhanced Pro",
    "ReconMatrixPE": 256,
    "RepetitionTime": 0.006952,
    "SAR": 0.129189,
    "ScanOptions": "EDR_GEMS\\PROMO_GEMS\\FILTERED_GEMS\\ACC_GEMS\\IR_GEMS",
    "ScanningSequence": "RM",
    "SequenceVariant": "NONE",
    "SeriesDescription": "Anat T1w MP-RAGE 1mm (ABCD)",
    "SeriesNumber": 3,
    "SliceThickness": 1,
    "SoftwareVersions": "27\\LX\\MR Software release:DV26.0_R03_1831.b",
    "SpacingBetweenSlices": 1,
    "StationName": "FMRI3tb",
    "acq_id": "MPRAGE",
    "dataset": "ds004215",
    "modality": "T1w",
    "rec_id": "SCIC",
    "session_id": "01",
    "subject_id": "ON52733"
  },
  "cjv": 0.35765691952306966,
  "cnr": 3.7652913207674192,
  "efc": 0.685689222010333,
  "fber": 18863.697827823446,
  "fwhm_avg": 3.33581,
  "fwhm_x": 3.22643,
  "fwhm_y": 3.53645,
  "fwhm_z": 3.24455,
  "icvs_csf": 0.2212779934872511,
  "icvs_gm": 0.44075748680352445,
  "icvs_wm": 0.3379645197092244,
  "inu_med": 0.487983763217926,
  "inu_range": 0.0794121444225312,
  "provenance": {
    "md5sum": "d1a9a1fa416d3749f47652ada2b7cc0e",
    "settings": {
      "testing": false
    },
    "software": "mriqc",
    "version": "22.0.6",
    "warnings": {
      "large_rot_frame": true,
      "small_air_mask": false
    },
    "webapi_port": null,
    "webapi_url": "https://mriqc.nimh.nih.gov/api/v1"
  },
  "qi_1": 0.0,
  "qi_2": 0.0022129480915405748,
  "rpve_csf": 24.91697638526169,
  "rpve_gm": 13.300281787621119,
  "rpve_wm": 20.37309948728432,
  "size_x": 208,
  "size_y": 256,
  "size_z": 256,
  "snr_csf": 1.4969203434215017,
  "snr_gm": 8.048341233041842,
  "snr_total": 9.715412422627802,
  "snr_wm": 19.600975691420064,
  "snrd_csf": 17.550111348293306,
  "snrd_gm": 68.71522824871701,
  "snrd_total": 64.45187765774354,
  "snrd_wm": 107.0902933762203,
  "spacing_x": 1.0,
  "spacing_y": 1.0,
  "spacing_z": 1.0,
  "summary_bg_k": 6.767566618366583,
  "summary_bg_mad": 6.11760778266765,
  "summary_bg_mean": 6.159256923974822,
  "summary_bg_median": 4.126263745129108,
  "summary_bg_n": 1044042.0,
  "summary_bg_p05": 0.0,
  "summary_bg_p95": 29.204777840524912,
  "summary_bg_stdv": 9.930444124006232,
  "summary_csf_k": 2.212884261752513,
  "summary_csf_mad": 73.27534655239697,
  "summary_csf_mean": 198.55044153265325,
  "summary_csf_median": 163.88144174404442,
  "summary_csf_n": 31877.0,
  "summary_csf_p05": 82.5894612275064,
  "summary_csf_p95": 431.05701924115385,
  "summary_csf_stdv": 109.47734922308103,
  "summary_gm_k": -0.0178964737008096,
  "summary_gm_mad": 79.49491446477573,
  "summary_gm_mean": 639.3773567172825,
  "summary_gm_median": 641.6569360550493,
  "summary_gm_n": 29795.0,
  "summary_gm_p05": 502.7325128627941,
  "summary_gm_p95": 766.9944896820932,
  "summary_gm_stdv": 79.72402629597849,
  "summary_wm_k": 0.42131480094937945,
  "summary_wm_mad": 48.668968582111525,
  "summary_wm_mean": 999.4036461165722,
  "summary_wm_median": 1000.0000186320394,
  "summary_wm_n": 205878.0,
  "summary_wm_p05": 914.9496995543129,
  "summary_wm_p95": 1081.7688118480146,
  "summary_wm_stdv": 51.01774553212662,
  "tpm_overlap_csf": 0.14904226267835252,
  "tpm_overlap_gm": 0.4578439528286821,
  "tpm_overlap_wm": 0.4978909156293603,
  "wm2max": 0.7468540807067404
}