{
  "bids_meta": {
    "AcquisitionMatrixPE": 256,
    "AcquisitionNumber": 1,
    "AcquisitionTime": "15:44:14.000000",
    "BodyPartExamined": "BRAIN",
    "CoilString": "32Ch Head",
    "ConversionSoftware": "dcm2niix",
    "ConversionSoftwareVersion": "v1.0.20211006",
    "Dcm2bidsVersion": "2.1.6",
    "DeviceSerialNumber": "000301496MR3T6MR",
    "EchoTime": 0.058622,
    "EchoTrainLength": 140,
    "FlipAngle": 90,
    "ImageOrientationPatientDICOM": [
      0,
      1,
      0,
      0,
      0,
      -1
    ],
    "ImageType": [
      "ORIGINAL",
      "PRIMARY",
      "OTHER"
    ],
    "ImagingFrequency": 127.696,
    "InPlanePhaseEncodingDirectionDICOM": "ROW",
    "InstitutionName": "NIH FMRIF",
    "MRAcquisitionType": "3D",
    "MagneticFieldStrength": 3,
    "Manufacturer": "GE",
    "ManufacturersModelName": "DISCOVERY MR750",
    "Modality": "MR",
    "ParallelReductionFactorInPlane": 2,
    "ParallelReductionOutOfPlane": 1.5,
    "PatientPosition": "HFS",
    "PercentPhaseFOV": 100,
    "PercentSampling": 100,
    "PhaseEncodingAxis": "i",
    "PixelBandwidth": 244.141,
    "ProcedureStepDescription": "MRI Brain",
    "ProtocolName": "ADNI3 FMRIF Enhanced Pro",
    "ReconMatrixPE": 256,
    "RepetitionTime": 3.202,
    "SAR": 0.4068,
    "ScanOptions": "SAT_GEMS\\EDR_GEMS\\PROMO_GEMS\\FILTERED_GEMS\\ACC_GEMS\\FS\\FR_GEMS",
    "ScanningSequence": "RM",
    "SequenceVariant": "NONE",
    "SeriesDescription": "Anat T2w CUBE (ABCD)",
    "SeriesNumber": 4,
    "SliceThickness": 1,
    "SoftwareVersions": "27\\LX\\MR Software release:DV26.0_R03_1831.b",
    "SpacingBetweenSlices": 1,
    "StationName": "FMRI3tb",
    "acq_id": "CUBE",
    "dataset": "ds004215",
    "modality": "T2w",
    "rec_id": "SCIC",
    "session_id": "01",
    "subject_id": "ON52733"
  },
  "cjv": 2.7310902758880995,
  "cnr": 0.33012528443473876,
  "efc": 0.4738949191799796,
  "fber": 7696.871921487605,
  "fwhm_avg": 2.2189366666666666,
  "fwhm_x": 1.82623,
  "fwhm_y": 2.57731,
  "fwhm_z": 2.25327,
  "icvs_csf": 0.3166294424420721,
  "icvs_gm": 0.49859635448618894,
  "icvs_wm": 0.18477420307173895,
  "inu_med": 0.8762210607528687,
  "inu_range": 0.1399430155754089,
  "provenance": {
    "md5sum": "d18b43072bc6378fa5765c3892828b7e",
    "settings": {
      "testing": false
    },
    "software": "mriqc",
    "version": "22.0.6",
    "warnings": {
      "large_rot_frame": true,
      "small_air_mask": false
    },
    "webapi_port": null,
    "webapi_url": "https://mriqc.nimh.nih.gov/api/v1"
  },
  "qi_1": 0.0,
  "qi_2": 0.02273135434998437,
  "rpve_csf": 17.12268657103241,
  "rpve_gm": 12.750562665276894,
  "rpve_wm": 36.522902445902915,
  "size_x": 204,
  "size_y": 256,
  "size_z": 256,
  "snr_csf": 12.598245011747698,
  "snr_gm": 13.739304495703767,
  "snr_total": 8.982490820046033,
  "snr_wm": 0.6099229526866381,
  "snrd_csf": 67.37364029802339,
  "snrd_gm": 48.260653844467235,
  "snrd_total": 48.97361339559486,
  "snrd_wm": 31.286546044293956,
  "spacing_x": 1.0,
  "spacing_y": 1.0,
  "spacing_z": 1.0,
  "summary_bg_k": 35.26623077759254,
  "summary_bg_mad": 21.027718277237618,
  "summary_bg_mean": 13.111385420983382,
  "summary_bg_median": 14.182980448007584,
  "summary_bg_n": 3313394.0,
  "summary_bg_p05": 0.0,
  "summary_bg_p95": 29.96404320001602,
  "summary_bg_stdv": 13.138087770891017,
  "summary_csf_k": 0.5322483943880223,
  "summary_csf_mad": 163.38438379731576,
  "summary_csf_mean": 2170.147435726604,
  "summary_csf_median": 2162.471704363823,
  "summary_csf_n": 28964.0,
  "summary_csf_p05": 1905.723135535419,
  "summary_csf_p95": 2465.031965906918,
  "summary_csf_stdv": 171.64568332249078,
  "summary_gm_k": -0.038614357692956514,
  "summary_gm_mad": 114.41842949914742,
  "summary_gm_mean": 1549.1328845482576,
  "summary_gm_median": 1549.007859915495,
  "summary_gm_n": 181541.0,
  "summary_gm_p05": 1364.3627670407295,
  "summary_gm_p95": 1732.9870851635933,
  "summary_gm_stdv": 112.74250411426837,
  "summary_wm_k": -1.766797280535985,
  "summary_wm_mad": 1373.5147624000329,
  "summary_wm_mean": 1840.0395932520682,
  "summary_wm_median": 1004.1949677765369,
  "summary_wm_n": 52933.0,
  "summary_wm_p05": 77.04088440537453,
  "summary_wm_p95": 4003.91530855894,
  "summary_wm_stdv": 1646.413662217248,
  "tpm_overlap_csf": 0.09835154930037122,
  "tpm_overlap_gm": 0.31621036802301067,
  "tpm_overlap_wm": 0.0368419308340401,
  "wm2max": 0.24670242038695755
}