{
  "bids_meta": {
    "AcquisitionMatrixPE": 256,
    "AcquisitionNumber": 1,
    "AcquisitionTime": "15:05:27.000000",
    "BodyPartExamined": "BRAIN",
    "CoilString": "32Ch Head",
    "ConversionSoftware": "dcm2niix",
    "ConversionSoftwareVersion": "v1.0.20211006",
    "Dcm2bidsVersion": "2.1.6",
    "DeviceSerialNumber": "000301496MR3T6MR",
    "EchoTime": 0.00292,
    "FlipAngle": 8,
    "ImageOrientationPatientDICOM": [
      0,
      1,
      0,
      0,
      0,
      -1
    ],
    "ImageType": [
      "ORIGINAL",
      "PRIMARY",
      "OTHER"
    ],
    "ImagingFrequency": 127.696,
    "InPlanePhaseEncodingDirectionDICOM": "ROW",
    "InstitutionName": "NIH FMRIF",
    "InversionTime": 1.06,
    "MRAcquisitionType": "3D",
    "MagneticFieldStrength": 3,
    "Manufacturer": "GE",
    "ManufacturersModelName": "DISCOVERY MR750",
    "Modality": "MR",
    "ParallelReductionFactorInPlane": 2,
    "ParallelReductionOutOfPlane": 2,
    "PatientPosition": "HFS",
    "PercentPhaseFOV": 100,
    "PercentSampling": 100,
    "PixelBandwidth": 244.141,
    "ProcedureStepDescription": "MRI Brain",
    "ProtocolName": "ADNI3 FMRIF Enhanced Pro",
    "ReconMatrixPE": 256,
    "RepetitionTime": 0.006952,
    "SAR": 0.101127,
    "ScanOptions": "EDR_GEMS\\PROMO_GEMS\\FILTERED_GEMS\\ACC_GEMS\\IR_GEMS",
    "ScanningSequence": "RM",
    "SequenceVariant": "NONE",
    "SeriesDescription": "Anat T1w MP-RAGE 1mm (ABCD)",
    "SeriesNumber": 3,
    "SliceThickness": 1,
    "SoftwareVersions": "27\\LX\\MR Software release:DV26.0_R03_1831.b",
    "SpacingBetweenSlices": 1,
    "StationName": "FMRI3tb",
    "acq_id": "MPRAGE",
    "dataset": "ds004215",
    "modality": "T1w",
    "rec_id": "SCIC",
    "session_id": "01",
    "subject_id": "ON07392"
  },
  "cjv": 0.3459888193550401,
  "cnr": 3.841204797564633,
  "efc": 0.6383674989957077,
  "fber": 14092.027195360948,
  "fwhm_avg": 3.6231566666666666,
  "fwhm_x": 3.56014,
  "fwhm_y": 3.79712,
  "fwhm_z": 3.51221,
  "icvs_csf": 0.2549531952863818,
  "icvs_gm": 0.4045059173489335,
  "icvs_wm": 0.34054088736468474,
  "inu_med": 0.4088122248649597,
  "inu_range": 0.06681196689605712,
  "provenance": {
    "md5sum": "b2a95913c9491ff4a39ae7f6eb67752b",
    "settings": {
      "testing": false
    },
    "software": "mriqc",
    "version": "22.0.6",
    "warnings": {
      "large_rot_frame": true,
      "small_air_mask": false
    },
    "webapi_port": null,
    "webapi_url": "https://mriqc.nimh.nih.gov/api/v1"
  },
  "qi_1": 0.0,
  "qi_2": 0.001884548022924774,
  "rpve_csf": 27.35222395827025,
  "rpve_gm": 16.887614635825848,
  "rpve_wm": 24.181699432595803,
  "size_x": 208,
  "size_y": 256,
  "size_z": 256,
  "snr_csf": 1.6310510545459755,
  "snr_gm": 7.765293038321015,
  "snr_total": 10.413113912322656,
  "snr_wm": 21.842997644100976,
  "snrd_csf": 12.09249951031808,
  "snrd_gm": 43.77207523397133,
  "snrd_total": 41.5193303866561,
  "snrd_wm": 68.69341641567891,
  "spacing_x": 1.0,
  "spacing_y": 1.0,
  "spacing_z": 1.0,
  "summary_bg_k": 5.792297175140648,
  "summary_bg_mad": 0.0,
  "summary_bg_mean": 5.973182908101074,
  "summary_bg_median": 0.0,
  "summary_bg_n": 858671.0,
  "summary_bg_p05": 0.0,
  "summary_bg_p95": 27.492908746004105,
  "summary_bg_stdv": 9.536846026853535,
  "summary_csf_k": 0.6110682290659653,
  "summary_csf_mad": 94.5429851736059,
  "summary_csf_mean": 202.84469760546736,
  "summary_csf_median": 176.0309851653874,
  "summary_csf_n": 40522.0,
  "summary_csf_p05": 69.90644817603753,
  "summary_csf_p95": 415.9093414453788,
  "summary_csf_stdv": 107.92354575241816,
  "summary_gm_k": -0.015429302617143037,
  "summary_gm_mad": 81.44121990574948,
  "summary_gm_mean": 636.637345175616,
  "summary_gm_median": 637.1917997263372,
  "summary_gm_n": 30342.0,
  "summary_gm_p05": 500.1091019511223,
  "summary_gm_p95": 773.0675915372555,
  "summary_gm_stdv": 82.05502307947698,
  "summary_wm_k": 0.4050286160855072,
  "summary_wm_mad": 44.07692636408487,
  "summary_wm_mean": 998.5538540426052,
  "summary_wm_median": 999.9727315027267,
  "summary_wm_n": 185887.0,
  "summary_wm_p05": 921.1760912574828,
  "summary_wm_p95": 1070.7233319859952,
  "summary_wm_stdv": 45.77989056535655,
  "tpm_overlap_csf": 0.1560272230475375,
  "tpm_overlap_gm": 0.46014413310146196,
  "tpm_overlap_wm": 0.5158457761227236,
  "wm2max": 0.6609637815716887
}