{
  "aor": 0.041972222222222216,
  "aqi": 0.001028015,
  "bids_meta": {
    "AcquisitionMatrixPE": 64,
    "AcquisitionNumber": 1,
    "AcquisitionTime": "16:06:51.000000",
    "BodyPartExamined": "BRAIN",
    "CoilString": "32Ch Head",
    "ConversionSoftware": "dcm2niix",
    "ConversionSoftwareVersion": "v1.0.20211006",
    "Dcm2bidsVersion": "2.1.6",
    "DeviceSerialNumber": "000301496MR3T6MR",
    "EchoTime": 0.0169,
    "EffectiveEchoSpacing": 0.000416,
    "FlipAngle": 90,
    "ImageOrientationPatientDICOM": [
      1,
      0,
      0,
      0,
      1,
      0
    ],
    "ImageType": [
      "ORIGINAL",
      "PRIMARY",
      "OTHER"
    ],
    "ImagingFrequency": 127.697,
    "InPlanePhaseEncodingDirectionDICOM": "COL",
    "InstitutionName": "NIH FMRIF",
    "InternalPulseSequenceName": "EPI",
    "MRAcquisitionType": "2D",
    "MagneticFieldStrength": 3,
    "Manufacturer": "GE",
    "ManufacturersModelName": "DISCOVERY MR750",
    "Modality": "MR",
    "PatientPosition": "HFS",
    "PercentPhaseFOV": 100,
    "PercentSampling": 100,
    "PhaseEncodingDirection": "j-",
    "PhaseEncodingPolarityGE": "Unflipped",
    "PixelBandwidth": 7812.5,
    "ProcedureStepDescription": "MRI BRAIN",
    "ProtocolName": "ADNI3 FMRIF Enhanced Pro",
    "PulseSequenceName": "epi",
    "ReconMatrixPE": 64,
    "RepetitionTime": 3,
    "SAR": 0.15978,
    "ScanOptions": "MP_GEMS\\EPI_GEMS\\PFF",
    "ScanningSequence": "EP\\GR",
    "SequenceVariant": "SS",
    "SeriesDescription": "Axial rsfMRI reverse blip - RKV",
    "SeriesNumber": 11,
    "SliceThickness": 3.4,
    "SliceTiming": [
      0,
      1.5,
      0.0625,
      1.5625,
      0.125,
      1.625,
      0.1875,
      1.6875,
      0.25,
      1.75,
      0.3125,
      1.8125,
      0.375,
      1.875,
      0.4375,
      1.9375,
      0.5,
      2,
      0.5625,
      2.0625,
      0.625,
      2.125,
      0.6875,
      2.1875,
      0.75,
      2.25,
      0.8125,
      2.3125,
      0.875,
      2.375,
      0.9375,
      2.4375,
      1,
      2.5,
      1.0625,
      2.5625,
      1.125,
      2.625,
      1.1875,
      2.6875,
      1.25,
      2.75,
      1.3125,
      2.8125,
      1.375,
      2.875,
      1.4375,
      2.9375
    ],
    "SoftwareVersions": "27\\LX\\MR Software release:DV26.0_R03_1831.b",
    "SpacingBetweenSlices": 3.4,
    "StationName": "FMRI3tb",
    "TaskName": "Resting state with reverse blip.",
    "TotalReadoutTime": 0.026208,
    "TriggerDelayTime": 29938,
    "dataset": "ds004215",
    "modality": "bold",
    "session_id": "01",
    "subject_id": "ON66199",
    "task_id": "rest"
  },
  "dummy_trs": 1,
  "dvars_nstd": 15.350277661249999,
  "dvars_std": 1.687977225,
  "dvars_vstd": 1.53017520875,
  "efc": 0.47618734413126124,
  "fber": 4893.81103515625,
  "fd_mean": 0.07748363899978841,
  "fd_num": 1,
  "fd_perc": 11.11111111111111,
  "fwhm_avg": 2.6606863563762024,
  "fwhm_x": 2.6120552727272726,
  "fwhm_y": 2.5808756363636363,
  "fwhm_z": 2.7891281600376985,
  "gcor": 0.0401811,
  "gsr_x": 0.0006889023934490979,
  "gsr_y": 0.06021583080291748,
  "provenance": {
    "md5sum": "103a708a25a13e9e21d081523638ee39",
    "settings": {
      "fd_thres": 0.2,
      "testing": false
    },
    "software": "mriqc",
    "version": "22.0.6",
    "webapi_port": null,
    "webapi_url": "https://mriqc.nimh.nih.gov/api/v1"
  },
  "size_t": 9,
  "size_x": 64,
  "size_y": 64,
  "size_z": 48,
  "snr": 4.384389812000441,
  "spacing_tr": 3.0,
  "spacing_x": 3.4375,
  "spacing_y": 3.4375,
  "spacing_z": 3.4000015258789062,
  "summary_bg_k": 18.163321367196488,
  "summary_bg_mad": 8.730877531769078,
  "summary_bg_mean": 129.9321746826172,
  "summary_bg_median": 33.33333206176758,
  "summary_bg_n": 131005.0,
  "summary_bg_p05": 24.66666603088379,
  "summary_bg_p95": 687.20001220703,
  "summary_bg_stdv": 256.8311462402344,
  "summary_fg_k": 1.7462169931802096,
  "summary_fg_mad": 464.1368410730908,
  "summary_fg_mean": 2394.063720703125,
  "summary_fg_median": 2335.22216796875,
  "summary_fg_n": 28950.0,
  "summary_fg_p05": 1605.8555786132813,
  "summary_fg_p95": 3319.3944824218747,
  "summary_fg_stdv": 532.6127319335938,
  "tsnr": 185.03351671993732
}