{
  "aor": 0.0131521608040201,
  "aqi": 0.0029533739095477384,
  "bids_meta": {
    "AcquisitionMatrixPE": 64,
    "AcquisitionNumber": 1,
    "AcquisitionTime": "15:55:52.000000",
    "BodyPartExamined": "BRAIN",
    "CoilString": "32Ch Head",
    "ConversionSoftware": "dcm2niix",
    "ConversionSoftwareVersion": "v1.0.20211006",
    "Dcm2bidsVersion": "2.1.6",
    "DeviceSerialNumber": "000301496MR3T6MR",
    "EchoTime": 0.0169,
    "EffectiveEchoSpacing": 0.000416,
    "FlipAngle": 90,
    "ImageOrientationPatientDICOM": [
      1,
      0,
      0,
      0,
      1,
      0
    ],
    "ImageType": [
      "ORIGINAL",
      "PRIMARY",
      "OTHER"
    ],
    "ImagingFrequency": 127.697,
    "InPlanePhaseEncodingDirectionDICOM": "COL",
    "InstitutionName": "NIH FMRIF",
    "InternalPulseSequenceName": "EPI",
    "MRAcquisitionType": "2D",
    "MagneticFieldStrength": 3,
    "Manufacturer": "GE",
    "ManufacturersModelName": "DISCOVERY MR750",
    "Modality": "MR",
    "PatientPosition": "HFS",
    "PercentPhaseFOV": 100,
    "PercentSampling": 100,
    "PhaseEncodingDirection": "j",
    "PhaseEncodingPolarityGE": "Flipped",
    "PixelBandwidth": 7812.5,
    "ProcedureStepDescription": "MRI BRAIN",
    "ProtocolName": "ADNI3 FMRIF Enhanced Pro",
    "PulseSequenceName": "epi",
    "ReconMatrixPE": 64,
    "RepetitionTime": 3,
    "SAR": 0.160052,
    "ScanOptions": "MP_GEMS\\EPI_GEMS\\PFF",
    "ScanningSequence": "EP\\GR",
    "SequenceVariant": "SS",
    "SeriesDescription": "Axial rsfMRI with Eyes Open - RKV",
    "SeriesNumber": 10,
    "SliceThickness": 3.4,
    "SliceTiming": [
      0,
      1.5,
      0.0625,
      1.5625,
      0.125,
      1.625,
      0.1875,
      1.6875,
      0.25,
      1.75,
      0.3125,
      1.8125,
      0.375,
      1.875,
      0.4375,
      1.9375,
      0.5,
      2,
      0.5625,
      2.0625,
      0.625,
      2.125,
      0.6875,
      2.1875,
      0.75,
      2.25,
      0.8125,
      2.3125,
      0.875,
      2.375,
      0.9375,
      2.4375,
      1,
      2.5,
      1.0625,
      2.5625,
      1.125,
      2.625,
      1.1875,
      2.6875,
      1.25,
      2.75,
      1.3125,
      2.8125,
      1.375,
      2.875,
      1.4375,
      2.9375
    ],
    "SoftwareVersions": "27\\LX\\MR Software release:DV26.0_R03_1831.b",
    "SpacingBetweenSlices": 3.4,
    "StationName": "FMRI3tb",
    "TaskName": "Resting state with eyes open.",
    "TotalReadoutTime": 0.026208,
    "TriggerDelayTime": 599938,
    "dataset": "ds004215",
    "modality": "bold",
    "session_id": "01",
    "subject_id": "ON66199",
    "task_id": "rest"
  },
  "dummy_trs": 1,
  "dvars_nstd": 16.224634488383842,
  "dvars_std": 1.021596769444444,
  "dvars_vstd": 0.9146656403535353,
  "efc": 0.47334988900510255,
  "fber": 4730.28369140625,
  "fd_mean": 0.1971324379766753,
  "fd_num": 55,
  "fd_perc": 27.63819095477387,
  "fwhm_avg": 2.819241570188528,
  "fwhm_x": 2.7164363636363635,
  "fwhm_y": 2.605995636363636,
  "fwhm_z": 3.135292710565585,
  "gcor": 0.0809685,
  "gsr_x": 0.0036463451106101274,
  "gsr_y": 0.06344586610794067,
  "provenance": {
    "md5sum": "5916af718b99405c8f60389245a67bf2",
    "settings": {
      "fd_thres": 0.2,
      "testing": false
    },
    "software": "mriqc",
    "version": "22.0.6",
    "webapi_port": null,
    "webapi_url": "https://mriqc.nimh.nih.gov/api/v1"
  },
  "size_t": 199,
  "size_x": 64,
  "size_y": 64,
  "size_z": 48,
  "snr": 3.7224603251857347,
  "spacing_tr": 3.0,
  "spacing_x": 3.4375,
  "spacing_y": 3.4375,
  "spacing_z": 3.4000015258789062,
  "summary_bg_k": 19.849981810603943,
  "summary_bg_mad": 9.618284614882675,
  "summary_bg_mean": 133.92349243164062,
  "summary_bg_median": 33.35678482055664,
  "summary_bg_n": 130660.0,
  "summary_bg_p05": 20.73341617584229,
  "summary_bg_p95": 715.7897125244127,
  "summary_bg_stdv": 270.83026123046875,
  "summary_fg_k": 2.006579475128815,
  "summary_fg_mad": 520.9446490027866,
  "summary_fg_mean": 2389.633056640625,
  "summary_fg_median": 2294.321533203125,
  "summary_fg_n": 28841.0,
  "summary_fg_p05": 1535.9095458984375,
  "summary_fg_p95": 3523.462158203125,
  "summary_fg_stdv": 616.3347778320312,
  "tsnr": 70.52545369416475
}