{
  "bids_meta": {
    "AcquisitionMatrixPE": 256,
    "AcquisitionNumber": 1,
    "AcquisitionTime": "15:07:19.000000",
    "BodyPartExamined": "BRAIN",
    "CoilString": "32Ch Head",
    "ConversionSoftware": "dcm2niix",
    "ConversionSoftwareVersion": "v1.0.20211006",
    "Dcm2bidsVersion": "2.1.6",
    "DeviceSerialNumber": "000301496MR3T6MR",
    "EchoTime": 0.065821,
    "EchoTrainLength": 140,
    "FlipAngle": 90,
    "ImageOrientationPatientDICOM": [
      0,
      1,
      0,
      0,
      0,
      -1
    ],
    "ImageType": [
      "ORIGINAL",
      "PRIMARY",
      "OTHER"
    ],
    "ImagingFrequency": 127.697,
    "InPlanePhaseEncodingDirectionDICOM": "ROW",
    "InstitutionName": "NIH FMRIF",
    "MRAcquisitionType": "3D",
    "MagneticFieldStrength": 3,
    "Manufacturer": "GE",
    "ManufacturersModelName": "DISCOVERY MR750",
    "Modality": "MR",
    "ParallelReductionFactorInPlane": 2,
    "ParallelReductionOutOfPlane": 1.5,
    "PatientPosition": "HFS",
    "PercentPhaseFOV": 100,
    "PercentSampling": 100,
    "PhaseEncodingAxis": "i",
    "PixelBandwidth": 244.141,
    "ProcedureStepDescription": "MRI Brain",
    "ProtocolName": "ADNI3 FMRIF Enhanced Pro",
    "ReconMatrixPE": 256,
    "RepetitionTime": 3.202,
    "SAR": 0.4517,
    "ScanOptions": "SAT_GEMS\\EDR_GEMS\\PROMO_GEMS\\FILTERED_GEMS\\ACC_GEMS\\FS\\FR_GEMS",
    "ScanningSequence": "RM",
    "SequenceVariant": "NONE",
    "SeriesDescription": "Anat T2w CUBE (ABCD)",
    "SeriesNumber": 4,
    "SliceThickness": 1,
    "SoftwareVersions": "27\\LX\\MR Software release:DV26.0_R03_1831.b",
    "SpacingBetweenSlices": 1,
    "StationName": "FMRI3tb",
    "acq_id": "CUBE",
    "dataset": "ds004215",
    "modality": "T2w",
    "rec_id": "SCIC",
    "session_id": "01",
    "subject_id": "ON97504"
  },
  "cjv": 2.1011033677191886,
  "cnr": 0.37256969324009154,
  "efc": 0.47133889263670753,
  "fber": 2707.6321415911593,
  "fwhm_avg": 2.2626399999999998,
  "fwhm_x": 1.92751,
  "fwhm_y": 2.57741,
  "fwhm_z": 2.283,
  "icvs_csf": 0.32463958676013394,
  "icvs_gm": 0.48364205834639323,
  "icvs_wm": 0.19171835489347286,
  "inu_med": 0.8453897833824158,
  "inu_range": 0.12763525247573848,
  "provenance": {
    "md5sum": "1aeaf478c169e6b4a767903a7e125b6c",
    "settings": {
      "testing": false
    },
    "software": "mriqc",
    "version": "22.0.6",
    "warnings": {
      "large_rot_frame": true,
      "small_air_mask": false
    },
    "webapi_port": null,
    "webapi_url": "https://mriqc.nimh.nih.gov/api/v1"
  },
  "qi_1": 1.4991414532215973e-05,
  "qi_2": 0.007449660592163396,
  "rpve_csf": 18.989259194410877,
  "rpve_gm": 14.854686579226508,
  "rpve_wm": 40.12040461628208,
  "size_x": 204,
  "size_y": 256,
  "size_z": 256,
  "snr_csf": 12.27685007633964,
  "snr_gm": 14.339077178304503,
  "snr_total": 9.051998014997082,
  "snr_wm": 0.5400667903471028,
  "snrd_csf": 53.605268503482115,
  "snrd_gm": 37.314570373206834,
  "snrd_total": 37.66066240410137,
  "snrd_wm": 22.062148335615174,
  "spacing_x": 1.0,
  "spacing_y": 1.0,
  "spacing_z": 1.0,
  "summary_bg_k": 162.55703600121674,
  "summary_bg_mad": 0.0,
  "summary_bg_mean": 13.685877109296014,
  "summary_bg_median": 0.0,
  "summary_bg_n": 3234209.0,
  "summary_bg_p05": 0.0,
  "summary_bg_p95": 46.26716487109661,
  "summary_bg_stdv": 29.84781914566702,
  "summary_csf_k": 0.27470194844899076,
  "summary_csf_mad": 194.4828157943076,
  "summary_csf_mean": 2446.534459237459,
  "summary_csf_median": 2442.2400580197573,
  "summary_csf_n": 25643.0,
  "summary_csf_p05": 2128.667124135792,
  "summary_csf_p95": 2784.2395380005237,
  "summary_csf_stdv": 198.92663202328865,
  "summary_gm_k": 0.34413027948865516,
  "summary_gm_mad": 115.78971256376666,
  "summary_gm_mean": 1698.337342661232,
  "summary_gm_median": 1700.0407060235739,
  "summary_gm_n": 168857.0,
  "summary_gm_p05": 1501.5730755925179,
  "summary_gm_p95": 1886.9600521028042,
  "summary_gm_stdv": 118.55962911076249,
  "summary_wm_k": -1.7627592675987203,
  "summary_wm_mad": 1344.258198560203,
  "summary_wm_mean": 2027.8022472653481,
  "summary_wm_median": 1005.1449033915997,
  "summary_wm_n": 53343.0,
  "summary_wm_p05": 98.23444445431232,
  "summary_wm_p95": 4599.548407897353,
  "summary_wm_stdv": 1861.1318077447827,
  "tpm_overlap_csf": 0.10376303815267483,
  "tpm_overlap_gm": 0.3205311277572578,
  "tpm_overlap_wm": 0.04099162775735856,
  "wm2max": 0.22012430798055643
}