{
  "bids_meta": {
    "AcquisitionMatrixPE": 256,
    "AcquisitionNumber": 1,
    "AcquisitionTime": "15:00:40.000000",
    "BodyPartExamined": "BRAIN",
    "CoilString": "32Ch Head",
    "ConversionSoftware": "dcm2niix",
    "ConversionSoftwareVersion": "v1.0.20211006",
    "Dcm2bidsVersion": "2.1.6",
    "DeviceSerialNumber": "000301496MR3T6MR",
    "EchoTime": 0.00292,
    "FlipAngle": 8,
    "ImageOrientationPatientDICOM": [
      0,
      1,
      0,
      0,
      0,
      -1
    ],
    "ImageType": [
      "ORIGINAL",
      "PRIMARY",
      "OTHER"
    ],
    "ImagingFrequency": 127.697,
    "InPlanePhaseEncodingDirectionDICOM": "ROW",
    "InstitutionName": "NIH FMRIF",
    "InversionTime": 1.06,
    "MRAcquisitionType": "3D",
    "MagneticFieldStrength": 3,
    "Manufacturer": "GE",
    "ManufacturersModelName": "DISCOVERY MR750",
    "Modality": "MR",
    "ParallelReductionFactorInPlane": 2,
    "ParallelReductionOutOfPlane": 2,
    "PatientPosition": "HFS",
    "PercentPhaseFOV": 100,
    "PercentSampling": 100,
    "PixelBandwidth": 244.141,
    "ProcedureStepDescription": "MRI Brain",
    "ProtocolName": "ADNI3 FMRIF Enhanced Pro",
    "ReconMatrixPE": 256,
    "RepetitionTime": 0.006952,
    "SAR": 0.101217,
    "ScanOptions": "EDR_GEMS\\PROMO_GEMS\\FILTERED_GEMS\\ACC_GEMS\\IR_GEMS",
    "ScanningSequence": "RM",
    "SequenceVariant": "NONE",
    "SeriesDescription": "Anat T1w MP-RAGE 1mm (ABCD)",
    "SeriesNumber": 3,
    "SliceThickness": 1,
    "SoftwareVersions": "27\\LX\\MR Software release:DV26.0_R03_1831.b",
    "SpacingBetweenSlices": 1,
    "StationName": "FMRI3tb",
    "acq_id": "MPRAGE",
    "dataset": "ds004215",
    "modality": "T1w",
    "rec_id": "SCIC",
    "session_id": "01",
    "subject_id": "ON97504"
  },
  "cjv": 0.3423075840837164,
  "cnr": 3.842636256042063,
  "efc": 0.6340922755453015,
  "fber": 12877.52126736111,
  "fwhm_avg": 3.4499133333333334,
  "fwhm_x": 3.42481,
  "fwhm_y": 3.61075,
  "fwhm_z": 3.31418,
  "icvs_csf": 0.21681722826698055,
  "icvs_gm": 0.43925338929253205,
  "icvs_wm": 0.3439293824404874,
  "inu_med": 0.4660266637802124,
  "inu_range": 0.08236240446567533,
  "provenance": {
    "md5sum": "35260cb6b87cf3fc0b97a5d32d2ba2e7",
    "settings": {
      "testing": false
    },
    "software": "mriqc",
    "version": "22.0.6",
    "warnings": {
      "large_rot_frame": true,
      "small_air_mask": false
    },
    "webapi_port": null,
    "webapi_url": "https://mriqc.nimh.nih.gov/api/v1"
  },
  "qi_1": 0.00014388173566537882,
  "qi_2": 0.0032895394312161346,
  "rpve_csf": 29.094308017738456,
  "rpve_gm": 15.153885849584803,
  "rpve_wm": 22.46037981454769,
  "size_x": 208,
  "size_y": 256,
  "size_z": 256,
  "snr_csf": 1.691832490814548,
  "snr_gm": 8.485953481721479,
  "snr_total": 10.296038042911212,
  "snr_wm": 20.710328156197605,
  "snrd_csf": 6.421811979550978,
  "snrd_gm": 20.076793903811257,
  "snrd_total": 19.212435698301046,
  "snrd_wm": 31.13870121154091,
  "spacing_x": 1.0,
  "spacing_y": 1.0,
  "spacing_z": 1.0,
  "summary_bg_k": 137.13665114234422,
  "summary_bg_mad": 0.0,
  "summary_bg_mean": 9.700684655672475,
  "summary_bg_median": 0.0,
  "summary_bg_n": 1306019.0,
  "summary_bg_p05": 0.0,
  "summary_bg_p95": 41.54995349049568,
  "summary_bg_stdv": 21.03929763549928,
  "summary_csf_k": 0.357024684385463,
  "summary_csf_mad": 116.02296822069364,
  "summary_csf_mean": 233.62386755672296,
  "summary_csf_median": 206.2324938699603,
  "summary_csf_n": 30538.0,
  "summary_csf_p05": 78.86467120209709,
  "summary_csf_p95": 463.9063978549093,
  "summary_csf_stdv": 121.89688891093995,
  "summary_gm_k": -0.02216758709127209,
  "summary_gm_mad": 76.22388889070179,
  "summary_gm_mean": 644.605612832927,
  "summary_gm_median": 644.7537375558168,
  "summary_gm_n": 38991.0,
  "summary_gm_p05": 518.5136576564983,
  "summary_gm_p95": 769.5640788869932,
  "summary_gm_stdv": 75.97796416277967,
  "summary_wm_k": 0.7700976514152869,
  "summary_wm_mad": 45.3796024099581,
  "summary_wm_mean": 999.1806524745634,
  "summary_wm_median": 1000.0000042319298,
  "summary_wm_n": 183066.0,
  "summary_wm_p05": 919.2635426390916,
  "summary_wm_p95": 1075.9220400340855,
  "summary_wm_stdv": 48.284955478773675,
  "tpm_overlap_csf": 0.13421859905275055,
  "tpm_overlap_gm": 0.4643141994744832,
  "tpm_overlap_wm": 0.4852852251041619,
  "wm2max": 0.6223465107410703
}