{
  "aor": 0.036657777777777775,
  "aqi": 0.0020741755555555557,
  "bids_meta": {
    "AcquisitionMatrixPE": 64,
    "AcquisitionNumber": 1,
    "AcquisitionTime": "16:21:22.000000",
    "BodyPartExamined": "BRAIN",
    "CoilString": "32Ch Head",
    "ConversionSoftware": "dcm2niix",
    "ConversionSoftwareVersion": "v1.0.20211006",
    "Dcm2bidsVersion": "2.1.6",
    "DeviceSerialNumber": "000301496MR3T6MR",
    "EchoTime": 0.0169,
    "EffectiveEchoSpacing": 0.000416,
    "FlipAngle": 90,
    "ImageOrientationPatientDICOM": [
      1,
      0,
      0,
      0,
      1,
      0
    ],
    "ImageType": [
      "ORIGINAL",
      "PRIMARY",
      "OTHER"
    ],
    "ImagingFrequency": 127.697,
    "InPlanePhaseEncodingDirectionDICOM": "COL",
    "InstitutionName": "NIH FMRIF",
    "InternalPulseSequenceName": "EPI",
    "MRAcquisitionType": "2D",
    "MagneticFieldStrength": 3,
    "Manufacturer": "GE",
    "ManufacturersModelName": "DISCOVERY MR750",
    "Modality": "MR",
    "PatientPosition": "HFS",
    "PercentPhaseFOV": 100,
    "PercentSampling": 100,
    "PhaseEncodingDirection": "j-",
    "PhaseEncodingPolarityGE": "Unflipped",
    "PixelBandwidth": 7812.5,
    "ProcedureStepDescription": "MRI Brain",
    "ProtocolName": "ADNI3 FMRIF Enhanced Pro",
    "PulseSequenceName": "epi",
    "ReconMatrixPE": 64,
    "RepetitionTime": 3,
    "SAR": 0.153526,
    "ScanOptions": "MP_GEMS\\EPI_GEMS\\PFF",
    "ScanningSequence": "EP\\GR",
    "SequenceVariant": "SS",
    "SeriesDescription": "Axial rsfMRI reverse blip - RKV",
    "SeriesNumber": 11,
    "SliceThickness": 3.4,
    "SliceTiming": [
      0,
      1.5,
      0.0625,
      1.5625,
      0.125,
      1.625,
      0.1875,
      1.6875,
      0.25,
      1.75,
      0.3125,
      1.8125,
      0.375,
      1.875,
      0.4375,
      1.9375,
      0.5,
      2,
      0.5625,
      2.0625,
      0.625,
      2.125,
      0.6875,
      2.1875,
      0.75,
      2.25,
      0.8125,
      2.3125,
      0.875,
      2.375,
      0.9375,
      2.4375,
      1,
      2.5,
      1.0625,
      2.5625,
      1.125,
      2.625,
      1.1875,
      2.6875,
      1.25,
      2.75,
      1.3125,
      2.8125,
      1.375,
      2.875,
      1.4375,
      2.9375
    ],
    "SoftwareVersions": "27\\LX\\MR Software release:DV26.0_R03_1831.b",
    "SpacingBetweenSlices": 3.4,
    "StationName": "FMRI3tb",
    "TaskName": "Resting state with reverse blip.",
    "TotalReadoutTime": 0.026208,
    "TriggerDelayTime": 29938,
    "dataset": "ds004215",
    "modality": "bold",
    "session_id": "01",
    "subject_id": "ON13545",
    "task_id": "rest"
  },
  "dummy_trs": 1,
  "dvars_nstd": 21.90971112375,
  "dvars_std": 1.57823944125,
  "dvars_vstd": 1.3540696924999998,
  "efc": 0.45797932402751157,
  "fber": 5549.21923828125,
  "fd_mean": 0.15500619072214816,
  "fd_num": 3,
  "fd_perc": 33.333333333333336,
  "fwhm_avg": 2.70831932362448,
  "fwhm_x": 2.6638574545454543,
  "fwhm_y": 2.676389818181818,
  "fwhm_z": 2.784710698146168,
  "gcor": 0.0693346,
  "gsr_x": -0.004990445449948311,
  "gsr_y": 0.03407084196805954,
  "provenance": {
    "md5sum": "7c8c104db9ce6fa77dd478ccc6ef569c",
    "settings": {
      "fd_thres": 0.2,
      "testing": false
    },
    "software": "mriqc",
    "version": "22.0.6",
    "webapi_port": null,
    "webapi_url": "https://mriqc.nimh.nih.gov/api/v1"
  },
  "size_t": 9,
  "size_x": 64,
  "size_y": 64,
  "size_z": 48,
  "snr": 4.380064324453784,
  "spacing_tr": 3.0,
  "spacing_x": 3.4375,
  "spacing_y": 3.4375,
  "spacing_z": 3.3999977111816406,
  "summary_bg_k": 19.94700392837731,
  "summary_bg_mad": 8.566147408183173,
  "summary_bg_mean": 110.64454650878906,
  "summary_bg_median": 32.77777862548828,
  "summary_bg_n": 131967.0,
  "summary_bg_p05": 24.0,
  "summary_bg_p95": 563.7444458007809,
  "summary_bg_stdv": 215.5548095703125,
  "summary_fg_k": 0.4665651382636087,
  "summary_fg_mad": 514.6276631831187,
  "summary_fg_mean": 2542.210693359375,
  "summary_fg_median": 2456.111083984375,
  "summary_fg_n": 27401.0,
  "summary_fg_p05": 1740.111083984375,
  "summary_fg_p95": 3584.22216796875,
  "summary_fg_stdv": 560.7374877929688,
  "tsnr": 131.5346805304289
}