{
  "aor": 0.034306666666666666,
  "aqi": 0.0013160781111111112,
  "bids_meta": {
    "AcquisitionMatrixPE": 64,
    "AcquisitionNumber": 1,
    "AcquisitionTime": "16:27:59.000000",
    "BodyPartExamined": "BRAIN",
    "CoilString": "32Ch Head",
    "ConversionSoftware": "dcm2niix",
    "ConversionSoftwareVersion": "v1.0.20211006",
    "Dcm2bidsVersion": "2.1.6",
    "DeviceSerialNumber": "000301496MR3T6MR",
    "EchoTime": 0.0169,
    "EffectiveEchoSpacing": 0.000416,
    "FlipAngle": 90,
    "ImageOrientationPatientDICOM": [
      1,
      0,
      0,
      0,
      1,
      0
    ],
    "ImageType": [
      "ORIGINAL",
      "PRIMARY",
      "OTHER"
    ],
    "ImagingFrequency": 127.697,
    "InPlanePhaseEncodingDirectionDICOM": "COL",
    "InstitutionName": "NIH FMRIF",
    "InternalPulseSequenceName": "EPI",
    "MRAcquisitionType": "2D",
    "MagneticFieldStrength": 3,
    "Manufacturer": "GE",
    "ManufacturersModelName": "DISCOVERY MR750",
    "Modality": "MR",
    "PatientPosition": "HFS",
    "PercentPhaseFOV": 100,
    "PercentSampling": 100,
    "PhaseEncodingDirection": "j-",
    "PhaseEncodingPolarityGE": "Unflipped",
    "PixelBandwidth": 7812.5,
    "ProcedureStepDescription": "MRI Brain",
    "ProtocolName": "ADNI3 FMRIF Enhanced Pro",
    "PulseSequenceName": "epi",
    "ReconMatrixPE": 64,
    "RepetitionTime": 3,
    "SAR": 0.199295,
    "ScanOptions": "MP_GEMS\\EPI_GEMS\\PFF",
    "ScanningSequence": "EP\\GR",
    "SequenceVariant": "SS",
    "SeriesDescription": "Axial rsfMRI reverse blip - RKV",
    "SeriesNumber": 12,
    "SliceThickness": 3.4,
    "SliceTiming": [
      0,
      1.5,
      0.0625,
      1.5625,
      0.125,
      1.625,
      0.1875,
      1.6875,
      0.25,
      1.75,
      0.3125,
      1.8125,
      0.375,
      1.875,
      0.4375,
      1.9375,
      0.5,
      2,
      0.5625,
      2.0625,
      0.625,
      2.125,
      0.6875,
      2.1875,
      0.75,
      2.25,
      0.8125,
      2.3125,
      0.875,
      2.375,
      0.9375,
      2.4375,
      1,
      2.5,
      1.0625,
      2.5625,
      1.125,
      2.625,
      1.1875,
      2.6875,
      1.25,
      2.75,
      1.3125,
      2.8125,
      1.375,
      2.875,
      1.4375,
      2.9375
    ],
    "SoftwareVersions": "27\\LX\\MR Software release:DV26.0_R01_1725.a",
    "SpacingBetweenSlices": 3.4,
    "StationName": "fmrif3tb",
    "TaskName": "Resting state with reverse blip.",
    "TotalReadoutTime": 0.026208,
    "TriggerDelayTime": 29938,
    "dataset": "ds004215",
    "modality": "bold",
    "session_id": "01",
    "subject_id": "ON38044",
    "task_id": "rest"
  },
  "dummy_trs": 1,
  "dvars_nstd": 15.27881932375,
  "dvars_std": 1.51131788,
  "dvars_vstd": 1.31714365,
  "efc": 0.48272825324089697,
  "fber": 4557.94921875,
  "fd_mean": 0.07519573799095411,
  "fd_num": 0,
  "fd_perc": 0.0,
  "fwhm_avg": 2.5624369541049967,
  "fwhm_x": 2.441367272727273,
  "fwhm_y": 2.567938909090909,
  "fwhm_z": 2.678004680496808,
  "gcor": 0.0854231,
  "gsr_x": -0.011860924772918224,
  "gsr_y": 0.056089259684085846,
  "provenance": {
    "md5sum": "5a4dcedda3546f09b909c7f50796f906",
    "settings": {
      "fd_thres": 0.2,
      "testing": false
    },
    "software": "mriqc",
    "version": "22.0.6",
    "webapi_port": null,
    "webapi_url": "https://mriqc.nimh.nih.gov/api/v1"
  },
  "size_t": 9,
  "size_x": 64,
  "size_y": 64,
  "size_z": 48,
  "snr": 4.63189701583938,
  "spacing_tr": 3.0,
  "spacing_x": 3.4375,
  "spacing_y": 3.4375,
  "spacing_z": 3.4000015258789062,
  "summary_bg_k": 27.316618299999146,
  "summary_bg_mad": 12.84922111227476,
  "summary_bg_mean": 151.11781311035156,
  "summary_bg_median": 36.55555725097656,
  "summary_bg_n": 131001.0,
  "summary_bg_p05": 24.55555534362793,
  "summary_bg_p95": 752.3333129882812,
  "summary_bg_stdv": 284.67681884765625,
  "summary_fg_k": 1.7524970271915938,
  "summary_fg_mad": 484.4815387279822,
  "summary_fg_mean": 2520.470458984375,
  "summary_fg_median": 2450.77783203125,
  "summary_fg_n": 27459.0,
  "summary_fg_p05": 1777.0777587890625,
  "summary_fg_p95": 3452.377709960937,
  "summary_fg_stdv": 529.0992431640625,
  "tsnr": 157.66552733816206
}