{
  "bids_meta": {
    "AcquisitionMatrixPE": 256,
    "AcquisitionNumber": 1,
    "AcquisitionTime": "15:02:2.000000",
    "BodyPartExamined": "BRAIN",
    "CoilString": "32Ch Head",
    "ConversionSoftware": "dcm2niix",
    "ConversionSoftwareVersion": "v1.0.20211006",
    "Dcm2bidsVersion": "2.1.6",
    "DeviceSerialNumber": "000301496MR3T6MR",
    "EchoTime": 0.003036,
    "FlipAngle": 11,
    "ImageOrientationPatientDICOM": [
      0,
      1,
      0,
      0,
      0,
      -1
    ],
    "ImageType": [
      "ORIGINAL",
      "PRIMARY",
      "OTHER"
    ],
    "ImagingFrequency": 127.697,
    "InPlanePhaseEncodingDirectionDICOM": "ROW",
    "InstitutionName": "NIH FMRIF",
    "InversionTime": 0.4,
    "MRAcquisitionType": "3D",
    "MagneticFieldStrength": 3,
    "Manufacturer": "GE",
    "ManufacturersModelName": "DISCOVERY MR750",
    "Modality": "MR",
    "ParallelReductionFactorInPlane": 1.72974,
    "PatientPosition": "HFS",
    "PercentPhaseFOV": 100,
    "PercentSampling": 100,
    "PixelBandwidth": 244.141,
    "ProcedureStepDescription": "MRI Brain",
    "ProtocolName": "ADNI3 FMRIF Enhanced Pro",
    "ReconMatrixPE": 256,
    "RepetitionTime": 0.007348,
    "SAR": 0.184619,
    "ScanOptions": "FAST_GEMS\\EDR_GEMS\\FILTERED_GEMS\\ACC_GEMS\\IR_GEMS",
    "ScanningSequence": "GR",
    "SequenceVariant": "SS\\SP\\SK",
    "SeriesDescription": "Accelerated Sagittal IR-FSPGR",
    "SeriesNumber": 3,
    "SliceThickness": 1.2,
    "SoftwareVersions": "27\\LX\\MR Software release:DV26.0_R01_1725.a",
    "SpacingBetweenSlices": 1.2,
    "SpoilingState": true,
    "StationName": "fmrif3tb",
    "acq_id": "FSPGR",
    "dataset": "ds004215",
    "modality": "T1w",
    "rec_id": "SCIC",
    "session_id": "01",
    "subject_id": "ON48984"
  },
  "cjv": 0.3045779139707091,
  "cnr": 4.447541149481531,
  "efc": 0.5364572116826234,
  "fber": 17281.992656305018,
  "fwhm_avg": 3.616979922141248,
  "fwhm_x": 3.368575233396488,
  "fwhm_y": 3.9461647226815817,
  "fwhm_z": 3.536199810345675,
  "icvs_csf": 0.2545323781191443,
  "icvs_gm": 0.442133746997524,
  "icvs_wm": 0.3033338748833317,
  "inu_med": 0.5002933740615845,
  "inu_range": 0.10135306417942047,
  "provenance": {
    "md5sum": "9946a7e2e0f2caa2a057670928b6166d",
    "settings": {
      "testing": false
    },
    "software": "mriqc",
    "version": "22.0.6",
    "warnings": {
      "large_rot_frame": true,
      "small_air_mask": false
    },
    "webapi_port": null,
    "webapi_url": "https://mriqc.nimh.nih.gov/api/v1"
  },
  "qi_1": 0.0,
  "qi_2": 0.0062902003447515425,
  "rpve_csf": 31.501246403183693,
  "rpve_gm": 18.633677225513424,
  "rpve_wm": 31.614006478441024,
  "size_x": 196,
  "size_y": 256,
  "size_z": 256,
  "snr_csf": 2.0505486407157596,
  "snr_gm": 9.142701679393973,
  "snr_total": 12.012621424147405,
  "snr_wm": 24.84461395233248,
  "snrd_csf": 16.567718699960533,
  "snrd_gm": 51.14464731869423,
  "snrd_total": 49.23702903286369,
  "snrd_wm": 79.99872107993629,
  "spacing_x": 1.1999969482421875,
  "spacing_y": 1.0547000169754028,
  "spacing_z": 1.0547000169754028,
  "summary_bg_k": 24.069338841037588,
  "summary_bg_mad": 0.0,
  "summary_bg_mean": 4.790753528309916,
  "summary_bg_median": 0.0,
  "summary_bg_n": 938034.0,
  "summary_bg_p05": 0.0,
  "summary_bg_p95": 16.34670523870658,
  "summary_bg_stdv": 8.189336344742541,
  "summary_csf_k": 0.517835348074287,
  "summary_csf_mad": 100.06853930181936,
  "summary_csf_mean": 216.4605778459197,
  "summary_csf_median": 207.0998053215444,
  "summary_csf_n": 27338.0,
  "summary_csf_p05": 72.16160154361279,
  "summary_csf_p95": 399.8619318131356,
  "summary_csf_stdv": 100.99541820682468,
  "summary_gm_k": -0.06232614387166846,
  "summary_gm_mad": 71.50606201607052,
  "summary_gm_mean": 637.2555130230943,
  "summary_gm_median": 639.3183451965451,
  "summary_gm_n": 30879.0,
  "summary_gm_p05": 519.110195062682,
  "summary_gm_p95": 747.8057712692766,
  "summary_gm_stdv": 69.92550074790725,
  "summary_wm_k": 0.38432508157832546,
  "summary_wm_mad": 38.349619852194245,
  "summary_wm_mean": 999.1738367315644,
  "summary_wm_median": 1000.0000520087779,
  "summary_wm_n": 118675.0,
  "summary_wm_p05": 931.1576382704079,
  "summary_wm_p95": 1063.7230690307915,
  "summary_wm_stdv": 40.25000512107071,
  "tpm_overlap_csf": 0.14899289165810797,
  "tpm_overlap_gm": 0.4615755777105749,
  "tpm_overlap_wm": 0.5015151237176361,
  "wm2max": 0.4777353500466143
}