{
  "bids_meta": {
    "AcquisitionMatrixPE": 256,
    "AcquisitionNumber": 1,
    "AcquisitionTime": "15:08:9.000000",
    "BodyPartExamined": "BRAIN",
    "CoilString": "32Ch Head",
    "ConversionSoftware": "dcm2niix",
    "ConversionSoftwareVersion": "v1.0.20211006",
    "Dcm2bidsVersion": "2.1.6",
    "DeviceSerialNumber": "000301496MR3T6MR",
    "EchoTime": 0.066226,
    "EchoTrainLength": 140,
    "FlipAngle": 90,
    "ImageOrientationPatientDICOM": [
      0,
      1,
      0,
      0,
      0,
      -1
    ],
    "ImageType": [
      "ORIGINAL",
      "PRIMARY",
      "OTHER"
    ],
    "ImagingFrequency": 127.697,
    "InPlanePhaseEncodingDirectionDICOM": "ROW",
    "InstitutionName": "NIH FMRIF",
    "MRAcquisitionType": "3D",
    "MagneticFieldStrength": 3,
    "Manufacturer": "GE",
    "ManufacturersModelName": "DISCOVERY MR750",
    "Modality": "MR",
    "ParallelReductionFactorInPlane": 2,
    "ParallelReductionOutOfPlane": 1.5,
    "PatientPosition": "HFS",
    "PercentPhaseFOV": 100,
    "PercentSampling": 100,
    "PhaseEncodingAxis": "i",
    "PixelBandwidth": 244.141,
    "ProcedureStepDescription": "MRI Brain",
    "ProtocolName": "ADNI3 FMRIF Enhanced Pro",
    "ReconMatrixPE": 256,
    "RepetitionTime": 3.202,
    "SAR": 0.454,
    "ScanOptions": "SAT_GEMS\\EDR_GEMS\\PROMO_GEMS\\ACC_GEMS\\FS\\FR_GEMS",
    "ScanningSequence": "RM",
    "SequenceVariant": "NONE",
    "SeriesDescription": "Sag_CUBE_T2",
    "SeriesNumber": 4,
    "SliceThickness": 1,
    "SoftwareVersions": "27\\LX\\MR Software release:DV26.0_R01_1725.a",
    "SpacingBetweenSlices": 1,
    "StationName": "fmrif3tb",
    "acq_id": "CUBE",
    "dataset": "ds004215",
    "modality": "T2w",
    "session_id": "01",
    "subject_id": "ON48984"
  },
  "cjv": 0.48684670168385435,
  "cnr": 0.4991926889109545,
  "efc": 0.3633115792132735,
  "fber": 6667.774474011066,
  "fwhm_avg": 2.412736666666667,
  "fwhm_x": 2.00921,
  "fwhm_y": 2.66073,
  "fwhm_z": 2.56827,
  "icvs_csf": 0.18328898002287444,
  "icvs_gm": 0.6982115617149559,
  "icvs_wm": 0.1184994582621696,
  "inu_med": 0.869717001914978,
  "inu_range": 0.4618310391902922,
  "provenance": {
    "md5sum": "6507ef1e4547b432f05bc4b4e3c995b5",
    "settings": {
      "testing": false
    },
    "software": "mriqc",
    "version": "22.0.6",
    "warnings": {
      "large_rot_frame": true,
      "small_air_mask": false
    },
    "webapi_port": null,
    "webapi_url": "https://mriqc.nimh.nih.gov/api/v1"
  },
  "qi_1": 0.0,
  "qi_2": 0.020131471317667425,
  "rpve_csf": 28.54970214814369,
  "rpve_gm": 11.286796740196225,
  "rpve_wm": 60.440184347652874,
  "size_x": 204,
  "size_y": 256,
  "size_z": 256,
  "snr_csf": 6.123989168970265,
  "snr_gm": 7.874968208951181,
  "snr_total": 4.716503524045566,
  "snr_wm": 0.1505531942152527,
  "snrd_csf": 120.62362099403344,
  "snrd_gm": 40.56424669517965,
  "snrd_total": 56.85410240426279,
  "snrd_wm": 9.374439523575292,
  "spacing_x": 1.0,
  "spacing_y": 1.0,
  "spacing_z": 1.0,
  "summary_bg_k": 5.167055715341464,
  "summary_bg_mad": 70.39762213095499,
  "summary_bg_mean": 49.36717965228925,
  "summary_bg_median": 47.48247456550598,
  "summary_bg_n": 3700759.0,
  "summary_bg_p05": 0.0,
  "summary_bg_p95": 159.97451162338257,
  "summary_bg_stdv": 59.8392944940726,
  "summary_csf_k": 3.131192976891942,
  "summary_csf_mad": 659.3280649915952,
  "summary_csf_mean": 11758.6709424787,
  "summary_csf_median": 12961.600196242332,
  "summary_csf_n": 10820.0,
  "summary_csf_p05": 7535.819255304336,
  "summary_csf_p95": 13398.359293663501,
  "summary_csf_stdv": 2116.4311137560085,
  "summary_gm_k": 0.10379767628661973,
  "summary_gm_mad": 550.8968282194196,
  "summary_gm_mean": 4406.745411162746,
  "summary_gm_median": 4358.8274302482605,
  "summary_gm_n": 421975.0,
  "summary_gm_p05": 3584.448818206787,
  "summary_gm_p95": 5397.387058496475,
  "summary_gm_stdv": 553.5034745279661,
  "summary_wm_k": -1.3171170841438058,
  "summary_wm_mad": 1080.7688632520774,
  "summary_wm_mean": 5585.574638351081,
  "summary_wm_median": 1007.3295443058014,
  "summary_wm_n": 23708.0,
  "summary_wm_p05": 217.33589029312134,
  "summary_wm_p95": 16821.7341738224,
  "summary_wm_stdv": 6690.713570212079,
  "tpm_overlap_csf": 0.12536188355526154,
  "tpm_overlap_gm": 0.41792158988533445,
  "tpm_overlap_wm": 0.02723595236646083,
  "wm2max": 0.06012134583563155
}