{
  "aor": 0.0012746231155778894,
  "aqi": 0.0023213199497487437,
  "bids_meta": {
    "AcquisitionMatrixPE": 64,
    "AcquisitionNumber": 1,
    "AcquisitionTime": "10:48:24.000000",
    "BodyPartExamined": "BRAIN",
    "CoilString": "32Ch Head",
    "ConversionSoftware": "dcm2niix",
    "ConversionSoftwareVersion": "v1.0.20211006",
    "Dcm2bidsVersion": "2.1.6",
    "DeviceSerialNumber": "000301496mr3T5mr",
    "EchoTime": 0.0169,
    "EffectiveEchoSpacing": 0.000416,
    "FlipAngle": 90,
    "ImageOrientationPatientDICOM": [
      1,
      0,
      0,
      0,
      1,
      0
    ],
    "ImageType": [
      "ORIGINAL",
      "PRIMARY",
      "OTHER"
    ],
    "ImagingFrequency": 127.824,
    "InPlanePhaseEncodingDirectionDICOM": "COL",
    "InstitutionName": "NIH FMRIF",
    "InternalPulseSequenceName": "EPI",
    "MRAcquisitionType": "2D",
    "MagneticFieldStrength": 3,
    "Manufacturer": "GE",
    "ManufacturersModelName": "DISCOVERY MR750",
    "Modality": "MR",
    "PatientPosition": "HFS",
    "PercentPhaseFOV": 100,
    "PercentSampling": 100,
    "PhaseEncodingDirection": "j",
    "PhaseEncodingPolarityGE": "Flipped",
    "PixelBandwidth": 7812.5,
    "ProcedureStepDescription": "MRI Brain",
    "ProtocolName": "ADNI3 FMRIF Enhanced Pro",
    "PulseSequenceName": "epi",
    "ReconMatrixPE": 64,
    "RepetitionTime": 3,
    "SAR": 0.181538,
    "ScanOptions": "MP_GEMS\\EPI_GEMS\\PFF",
    "ScanningSequence": "EP\\GR",
    "SequenceVariant": "SS",
    "SeriesDescription": "Axial rsfMRI with Eyes Open - RKV",
    "SeriesNumber": 10,
    "SliceThickness": 3.4,
    "SliceTiming": [
      0,
      1.5,
      0.0625,
      1.5625,
      0.125,
      1.625,
      0.1875,
      1.6875,
      0.25,
      1.75,
      0.3125,
      1.8125,
      0.375,
      1.875,
      0.4375,
      1.9375,
      0.5,
      2,
      0.5625,
      2.0625,
      0.625,
      2.125,
      0.6875,
      2.1875,
      0.75,
      2.25,
      0.8125,
      2.3125,
      0.875,
      2.375,
      0.9375,
      2.4375,
      1,
      2.5,
      1.0625,
      2.5625,
      1.125,
      2.625,
      1.1875,
      2.6875,
      1.25,
      2.75,
      1.3125,
      2.8125,
      1.375,
      2.875,
      1.4375,
      2.9375
    ],
    "SoftwareVersions": "27\\LX\\MR Software release:DV26.0_R03_1831.b",
    "SpacingBetweenSlices": 3.4,
    "StationName": "FMRI3ta",
    "TaskName": "Resting state with eyes open.",
    "TotalReadoutTime": 0.026208,
    "TriggerDelayTime": 599938,
    "dataset": "ds004215",
    "modality": "bold",
    "session_id": "01",
    "subject_id": "ON23419",
    "task_id": "rest"
  },
  "dummy_trs": 1,
  "dvars_nstd": 10.876612227070709,
  "dvars_std": 1.1524233805050503,
  "dvars_vstd": 0.9380082196464652,
  "efc": 0.47183724815506034,
  "fber": 4111.53173828125,
  "fd_mean": 0.10571862572037438,
  "fd_num": 12,
  "fd_perc": 6.030150753768845,
  "fwhm_avg": 2.506353536899406,
  "fwhm_x": 2.4921338181818182,
  "fwhm_y": 2.3482647272727273,
  "fwhm_z": 2.6786620652436723,
  "gcor": 0.0183803,
  "gsr_x": -0.008553980849683285,
  "gsr_y": 0.03715675696730614,
  "provenance": {
    "md5sum": "fe7321520a51cf4bef93b5fd0b9dac2b",
    "settings": {
      "fd_thres": 0.2,
      "testing": false
    },
    "software": "mriqc",
    "version": "22.0.6",
    "webapi_port": null,
    "webapi_url": "https://mriqc.nimh.nih.gov/api/v1"
  },
  "size_t": 199,
  "size_x": 64,
  "size_y": 64,
  "size_z": 48,
  "snr": 5.199305664313718,
  "spacing_tr": 3.0,
  "spacing_x": 3.4375,
  "spacing_y": 3.4375,
  "spacing_z": 3.3999996185302734,
  "summary_bg_k": 17.46029141301706,
  "summary_bg_mad": 14.811119471868755,
  "summary_bg_mean": 136.48939514160156,
  "summary_bg_median": 36.98994827270508,
  "summary_bg_n": 135430.0,
  "summary_bg_p05": 23.555024623870853,
  "summary_bg_p95": 611.6030181884754,
  "summary_bg_stdv": 233.7708282470703,
  "summary_fg_k": 0.7667695263994516,
  "summary_fg_mad": 403.22328193135667,
  "summary_fg_mean": 2352.77099609375,
  "summary_fg_median": 2324.8291015625,
  "summary_fg_n": 25313.0,
  "summary_fg_p05": 1648.141650390625,
  "summary_fg_p95": 3124.8663085937487,
  "summary_fg_stdv": 447.1333923339844,
  "tsnr": 113.93733415566385
}