{
  "bids_meta": {
    "AcquisitionMatrixPE": 256,
    "AcquisitionNumber": 1,
    "AcquisitionTime": "15:11:1.000000",
    "BodyPartExamined": "BRAIN",
    "CoilString": "32Ch Head",
    "ConversionSoftware": "dcm2niix",
    "ConversionSoftwareVersion": "v1.0.20211006",
    "Dcm2bidsVersion": "2.1.6",
    "DeviceSerialNumber": "000301496MR3T6MR",
    "EchoTime": 0.066023,
    "EchoTrainLength": 140,
    "FlipAngle": 90,
    "ImageOrientationPatientDICOM": [
      0,
      1,
      0,
      0,
      0,
      -1
    ],
    "ImageType": [
      "ORIGINAL",
      "PRIMARY",
      "OTHER"
    ],
    "ImagingFrequency": 127.697,
    "InPlanePhaseEncodingDirectionDICOM": "ROW",
    "InstitutionName": "NIH FMRIF",
    "MRAcquisitionType": "3D",
    "MagneticFieldStrength": 3,
    "Manufacturer": "GE",
    "ManufacturersModelName": "DISCOVERY MR750",
    "Modality": "MR",
    "ParallelReductionFactorInPlane": 2,
    "ParallelReductionOutOfPlane": 1.5,
    "PatientPosition": "HFS",
    "PercentPhaseFOV": 100,
    "PercentSampling": 100,
    "PhaseEncodingAxis": "i",
    "PixelBandwidth": 244.141,
    "ProcedureStepDescription": "MRI Brain",
    "ProtocolName": "ADNI3 FMRIF Enhanced Pro",
    "ReconMatrixPE": 256,
    "RepetitionTime": 3.202,
    "SAR": 0.4546,
    "ScanOptions": "SAT_GEMS\\EDR_GEMS\\PROMO_GEMS\\FILTERED_GEMS\\ACC_GEMS\\FS\\FR_GEMS",
    "ScanningSequence": "RM",
    "SequenceVariant": "NONE",
    "SeriesDescription": "Anat T2w CUBE (ABCD)",
    "SeriesNumber": 4,
    "SliceThickness": 1,
    "SoftwareVersions": "27\\LX\\MR Software release:DV26.0_R01_1725.a",
    "SpacingBetweenSlices": 1,
    "StationName": "fmrif3tb",
    "acq_id": "CUBE",
    "dataset": "ds004215",
    "modality": "T2w",
    "rec_id": "SCIC",
    "session_id": "01",
    "subject_id": "ON21834"
  },
  "cjv": 3.615704397059529,
  "cnr": 0.45527207098665423,
  "efc": 0.44562855376986615,
  "fber": 8349.805971074382,
  "fwhm_avg": 2.1857699999999998,
  "fwhm_x": 1.82311,
  "fwhm_y": 2.48203,
  "fwhm_z": 2.25217,
  "icvs_csf": 0.3119289775718415,
  "icvs_gm": 0.49701600905272225,
  "icvs_wm": 0.19105501337543626,
  "inu_med": 0.8757537603378296,
  "inu_range": 0.1751607060432434,
  "provenance": {
    "md5sum": "b0d93e715162146a01ac8336e8954806",
    "settings": {
      "testing": false
    },
    "software": "mriqc",
    "version": "22.0.6",
    "warnings": {
      "large_rot_frame": true,
      "small_air_mask": false
    },
    "webapi_port": null,
    "webapi_url": "https://mriqc.nimh.nih.gov/api/v1"
  },
  "qi_1": 0.0,
  "qi_2": 0.02010139826399889,
  "rpve_csf": 18.644262974490832,
  "rpve_gm": 14.12050967753636,
  "rpve_wm": 37.18779438298442,
  "size_x": 204,
  "size_y": 256,
  "size_z": 256,
  "snr_csf": 11.922629778766623,
  "snr_gm": 12.851048011142808,
  "snr_total": 8.68652681588265,
  "snr_wm": 1.2859026577385189,
  "snrd_csf": 61.38877859710904,
  "snrd_gm": 43.46384584009322,
  "snrd_total": 57.40546020666108,
  "snrd_wm": 67.36375618278097,
  "spacing_x": 1.0,
  "spacing_y": 1.0,
  "spacing_z": 1.0,
  "summary_bg_k": 2.168341865790678,
  "summary_bg_mad": 9.75056961246397,
  "summary_bg_mean": 5.191422962795306,
  "summary_bg_median": 6.734752032905817,
  "summary_bg_n": 2858579.0,
  "summary_bg_p05": 0.0,
  "summary_bg_p95": 14.007019486278296,
  "summary_bg_stdv": 4.9818062071257545,
  "summary_csf_k": 0.3385089249935982,
  "summary_csf_mad": 74.55904311838435,
  "summary_csf_mean": 914.4999643909787,
  "summary_csf_median": 913.6655498538166,
  "summary_csf_n": 19114.0,
  "summary_csf_p05": 791.0962247103453,
  "summary_csf_p95": 1041.6416477560997,
  "summary_csf_stdv": 76.6308831245137,
  "summary_gm_k": -0.13088564274436498,
  "summary_gm_mad": 51.799901066214844,
  "summary_gm_mean": 645.0580319405747,
  "summary_gm_median": 646.8839992545545,
  "summary_gm_n": 183087.0,
  "summary_gm_p05": 559.9424609217793,
  "summary_gm_p95": 724.0648899227381,
  "summary_gm_stdv": 50.33692443515012,
  "summary_wm_k": -1.777782860713529,
  "summary_wm_mad": 1234.3377330086,
  "summary_wm_mean": 971.8565301702566,
  "summary_wm_median": 1002.592733386904,
  "summary_wm_n": 43403.0,
  "summary_wm_p05": 37.252980493754144,
  "summary_wm_p95": 1940.0196266807616,
  "summary_wm_stdv": 779.6711341077985,
  "tpm_overlap_csf": 0.10457044008196845,
  "tpm_overlap_gm": 0.310116617757146,
  "tpm_overlap_wm": 0.040004805006178555,
  "wm2max": 0.5187481595393122
}