{
  "bids_meta": {
    "AcquisitionMatrixPE": 256,
    "AcquisitionNumber": 1,
    "AcquisitionTime": "15:04:28.000000",
    "BodyPartExamined": "BRAIN",
    "CoilString": "32Ch Head",
    "ConversionSoftware": "dcm2niix",
    "ConversionSoftwareVersion": "v1.0.20211006",
    "Dcm2bidsVersion": "2.1.6",
    "DeviceSerialNumber": "000301496MR3T6MR",
    "EchoTime": 0.00292,
    "FlipAngle": 8,
    "ImageOrientationPatientDICOM": [
      0,
      1,
      0,
      0,
      0,
      -1
    ],
    "ImageType": [
      "ORIGINAL",
      "PRIMARY",
      "OTHER"
    ],
    "ImagingFrequency": 127.697,
    "InPlanePhaseEncodingDirectionDICOM": "ROW",
    "InstitutionName": "NIH FMRIF",
    "InversionTime": 1.06,
    "MRAcquisitionType": "3D",
    "MagneticFieldStrength": 3,
    "Manufacturer": "GE",
    "ManufacturersModelName": "DISCOVERY MR750",
    "Modality": "MR",
    "ParallelReductionFactorInPlane": 2,
    "ParallelReductionOutOfPlane": 2,
    "PatientPosition": "HFS",
    "PercentPhaseFOV": 100,
    "PercentSampling": 100,
    "PixelBandwidth": 244.141,
    "ProcedureStepDescription": "MRI Brain",
    "ProtocolName": "ADNI3 FMRIF Enhanced Pro",
    "ReconMatrixPE": 256,
    "RepetitionTime": 0.006952,
    "SAR": 0.108092,
    "ScanOptions": "EDR_GEMS\\PROMO_GEMS\\FILTERED_GEMS\\ACC_GEMS\\IR_GEMS",
    "ScanningSequence": "RM",
    "SequenceVariant": "NONE",
    "SeriesDescription": "Anat T1w MP-RAGE 1mm (ABCD)",
    "SeriesNumber": 3,
    "SliceThickness": 1,
    "SoftwareVersions": "27\\LX\\MR Software release:DV26.0_R01_1725.a",
    "SpacingBetweenSlices": 1,
    "StationName": "fmrif3tb",
    "acq_id": "MPRAGE",
    "dataset": "ds004215",
    "modality": "T1w",
    "rec_id": "SCIC",
    "session_id": "01",
    "subject_id": "ON21834"
  },
  "cjv": 0.34762550331240377,
  "cnr": 3.791755450190347,
  "efc": 0.660088584676599,
  "fber": 15260.238607955249,
  "fwhm_avg": 3.4878699999999996,
  "fwhm_x": 3.4313,
  "fwhm_y": 3.64463,
  "fwhm_z": 3.38768,
  "icvs_csf": 0.23363906790002514,
  "icvs_gm": 0.41752422906827596,
  "icvs_wm": 0.3488367030316989,
  "inu_med": 0.40520763397216797,
  "inu_range": 0.05118749290704727,
  "provenance": {
    "md5sum": "84a8c5e3c51bc15916a8306cb0d1d5aa",
    "settings": {
      "testing": false
    },
    "software": "mriqc",
    "version": "22.0.6",
    "warnings": {
      "large_rot_frame": true,
      "small_air_mask": false
    },
    "webapi_port": null,
    "webapi_url": "https://mriqc.nimh.nih.gov/api/v1"
  },
  "qi_1": 0.0,
  "qi_2": 0.0029983892000264955,
  "rpve_csf": 26.197323819400374,
  "rpve_gm": 14.947828036022601,
  "rpve_wm": 21.402366929273036,
  "size_x": 208,
  "size_y": 256,
  "size_z": 256,
  "snr_csf": 1.7092989136242938,
  "snr_gm": 8.19678836349422,
  "snr_total": 10.561657451048553,
  "snr_wm": 21.778885076027148,
  "snrd_csf": 18.224319338602914,
  "snrd_gm": 60.18859418698803,
  "snrd_total": 56.95220644237406,
  "snrd_wm": 92.44370580153125,
  "spacing_x": 1.0,
  "spacing_y": 1.0,
  "spacing_z": 1.0,
  "summary_bg_k": 12.468364582702305,
  "summary_bg_mad": 0.0,
  "summary_bg_mean": 3.6663825942178123,
  "summary_bg_median": 0.0,
  "summary_bg_n": 685342.0,
  "summary_bg_p05": 0.0,
  "summary_bg_p95": 19.687818970531225,
  "summary_bg_stdv": 7.086868758715583,
  "summary_csf_k": -0.041985312776322115,
  "summary_csf_mad": 110.08942841489961,
  "summary_csf_mean": 224.8991660843531,
  "summary_csf_median": 197.13964812457561,
  "summary_csf_n": 34561.0,
  "summary_csf_p05": 78.80356756597757,
  "summary_csf_p95": 445.7604590021074,
  "summary_csf_stdv": 115.33196123804912,
  "summary_gm_k": 0.10776424074520907,
  "summary_gm_mad": 77.29518318989783,
  "summary_gm_mean": 651.0514112676286,
  "summary_gm_median": 651.0837556496263,
  "summary_gm_n": 26152.0,
  "summary_gm_p05": 519.6368426570668,
  "summary_gm_p95": 783.5647366903722,
  "summary_gm_stdv": 79.43004974511105,
  "summary_wm_k": 0.4369592394875772,
  "summary_wm_mad": 43.99700748271516,
  "summary_wm_mean": 999.69919364547,
  "summary_wm_median": 1000.000016156584,
  "summary_wm_n": 201407.0,
  "summary_wm_p05": 923.818876535818,
  "summary_wm_p95": 1074.097332175821,
  "summary_wm_stdv": 45.915919484732214,
  "tpm_overlap_csf": 0.1529152358452744,
  "tpm_overlap_gm": 0.46828696887299587,
  "tpm_overlap_wm": 0.5261454798007483,
  "wm2max": 0.6464136019469984
}