{
  "bids_meta": {
    "AcquisitionMatrixPE": 256,
    "AcquisitionNumber": 1,
    "AcquisitionTime": "15:04:28.000000",
    "BodyPartExamined": "BRAIN",
    "CoilString": "32Ch Head",
    "ConversionSoftware": "dcm2niix",
    "ConversionSoftwareVersion": "v1.0.20211006",
    "Dcm2bidsVersion": "2.1.6",
    "DeviceSerialNumber": "000301496MR3T6MR",
    "EchoTime": 0.00292,
    "FlipAngle": 8,
    "ImageOrientationPatientDICOM": [
      0,
      1,
      0,
      0,
      0,
      -1
    ],
    "ImageType": [
      "ORIGINAL",
      "PRIMARY",
      "OTHER"
    ],
    "ImagingFrequency": 127.697,
    "InPlanePhaseEncodingDirectionDICOM": "ROW",
    "InstitutionName": "NIH FMRIF",
    "InversionTime": 1.06,
    "MRAcquisitionType": "3D",
    "MagneticFieldStrength": 3,
    "Manufacturer": "GE",
    "ManufacturersModelName": "DISCOVERY MR750",
    "Modality": "MR",
    "ParallelReductionFactorInPlane": 2,
    "ParallelReductionOutOfPlane": 2,
    "PatientPosition": "HFS",
    "PercentPhaseFOV": 100,
    "PercentSampling": 100,
    "PixelBandwidth": 244.141,
    "ProcedureStepDescription": "MRI Brain",
    "ProtocolName": "ADNI3 FMRIF Enhanced Pro",
    "ReconMatrixPE": 256,
    "RepetitionTime": 0.006952,
    "SAR": 0.108092,
    "ScanOptions": "EDR_GEMS\\PROMO_GEMS\\ACC_GEMS\\IR_GEMS",
    "ScanningSequence": "RM",
    "SequenceVariant": "NONE",
    "SeriesDescription": "ORIG Anat T1w MP-RAGE 1mm (ABCD)",
    "SeriesNumber": 40003,
    "SliceThickness": 1,
    "SoftwareVersions": "27\\LX\\MR Software release:DV26.0_R01_1725.a",
    "SpacingBetweenSlices": 1,
    "StationName": "fmrif3tb",
    "acq_id": "MPRAGE",
    "dataset": "ds004215",
    "modality": "T1w",
    "session_id": "01",
    "subject_id": "ON21834"
  },
  "cjv": 0.36008177071190295,
  "cnr": 3.63639870562108,
  "efc": 0.43136209801875547,
  "fber": 8428.457281523763,
  "fwhm_avg": 3.696533333333333,
  "fwhm_x": 3.66039,
  "fwhm_y": 3.80734,
  "fwhm_z": 3.62187,
  "icvs_csf": 0.22614734576851664,
  "icvs_gm": 0.4188859756457613,
  "icvs_wm": 0.35496667858572206,
  "inu_med": 0.791336715221405,
  "inu_range": 0.4200061857700349,
  "provenance": {
    "md5sum": "f0f12ff3dfa6c30b085ef58c87ac807c",
    "settings": {
      "testing": false
    },
    "software": "mriqc",
    "version": "22.0.6",
    "warnings": {
      "large_rot_frame": true,
      "small_air_mask": false
    },
    "webapi_port": null,
    "webapi_url": "https://mriqc.nimh.nih.gov/api/v1"
  },
  "qi_1": 0.0,
  "qi_2": 0.0017521503608106026,
  "rpve_csf": 27.167496569378798,
  "rpve_gm": 15.032179272883894,
  "rpve_wm": 21.24129235174247,
  "size_x": 208,
  "size_y": 256,
  "size_z": 256,
  "snr_csf": 1.2225618239170284,
  "snr_gm": 7.683597510291926,
  "snr_total": 9.78725122730584,
  "snr_wm": 20.455594347708566,
  "snrd_csf": 8.737948850384969,
  "snrd_gm": 36.94366704041135,
  "snrd_total": 34.32333988256337,
  "snrd_wm": 57.28840375689378,
  "spacing_x": 1.0,
  "spacing_y": 1.0,
  "spacing_z": 1.0,
  "summary_bg_k": 1.664696639816679,
  "summary_bg_mad": 11.435759239143689,
  "summary_bg_mean": 10.766355805728296,
  "summary_bg_median": 7.71330239251256,
  "summary_bg_n": 3810296.0,
  "summary_bg_p05": 0.0,
  "summary_bg_p95": 30.259878616780043,
  "summary_bg_stdv": 10.18849816165849,
  "summary_csf_k": -0.032266329942040706,
  "summary_csf_mad": 114.94404158318784,
  "summary_csf_mean": 187.5335218436996,
  "summary_csf_median": 152.5256103873253,
  "summary_csf_n": 30897.0,
  "summary_csf_p05": 38.92251053452492,
  "summary_csf_p95": 428.7013914361596,
  "summary_csf_stdv": 124.75699722660106,
  "summary_gm_k": 0.09790736061239658,
  "summary_gm_mad": 81.1352456787451,
  "summary_gm_mean": 643.4700654998775,
  "summary_gm_median": 644.8716354109347,
  "summary_gm_n": 24316.0,
  "summary_gm_p05": 501.79976487904787,
  "summary_gm_p95": 782.0695295054466,
  "summary_gm_stdv": 83.92662085411926,
  "summary_wm_k": 0.525214670146855,
  "summary_wm_mad": 46.74000058255138,
  "summary_wm_mean": 1000.258976611708,
  "summary_wm_median": 999.9999886415899,
  "summary_wm_n": 202570.0,
  "summary_wm_p05": 920.8100840784609,
  "summary_wm_p95": 1080.2974443174899,
  "summary_wm_stdv": 48.88626081246191,
  "tpm_overlap_csf": 0.15727445004540022,
  "tpm_overlap_gm": 0.46536449455107304,
  "tpm_overlap_wm": 0.5260646969965344,
  "wm2max": 0.5587702236760675
}