{
  "bids_meta": {
    "AcquisitionMatrixPE": 256,
    "AcquisitionNumber": 1,
    "AcquisitionTime": "15:11:1.000000",
    "BodyPartExamined": "BRAIN",
    "CoilString": "32Ch Head",
    "ConversionSoftware": "dcm2niix",
    "ConversionSoftwareVersion": "v1.0.20211006",
    "Dcm2bidsVersion": "2.1.6",
    "DeviceSerialNumber": "000301496MR3T6MR",
    "EchoTime": 0.066023,
    "EchoTrainLength": 140,
    "FlipAngle": 90,
    "ImageOrientationPatientDICOM": [
      0,
      1,
      0,
      0,
      0,
      -1
    ],
    "ImageType": [
      "ORIGINAL",
      "PRIMARY",
      "OTHER"
    ],
    "ImagingFrequency": 127.697,
    "InPlanePhaseEncodingDirectionDICOM": "ROW",
    "InstitutionName": "NIH FMRIF",
    "MRAcquisitionType": "3D",
    "MagneticFieldStrength": 3,
    "Manufacturer": "GE",
    "ManufacturersModelName": "DISCOVERY MR750",
    "Modality": "MR",
    "ParallelReductionFactorInPlane": 2,
    "ParallelReductionOutOfPlane": 1.5,
    "PatientPosition": "HFS",
    "PercentPhaseFOV": 100,
    "PercentSampling": 100,
    "PhaseEncodingAxis": "i",
    "PixelBandwidth": 244.141,
    "ProcedureStepDescription": "MRI Brain",
    "ProtocolName": "ADNI3 FMRIF Enhanced Pro",
    "ReconMatrixPE": 256,
    "RepetitionTime": 3.202,
    "SAR": 0.4546,
    "ScanOptions": "SAT_GEMS\\EDR_GEMS\\PROMO_GEMS\\ACC_GEMS\\FS\\FR_GEMS",
    "ScanningSequence": "RM",
    "SequenceVariant": "NONE",
    "SeriesDescription": "ORIG Anat T2w CUBE (ABCD)",
    "SeriesNumber": 40004,
    "SliceThickness": 1,
    "SoftwareVersions": "27\\LX\\MR Software release:DV26.0_R01_1725.a",
    "SpacingBetweenSlices": 1,
    "StationName": "fmrif3tb",
    "acq_id": "CUBE",
    "dataset": "ds004215",
    "modality": "T2w",
    "session_id": "01",
    "subject_id": "ON21834"
  },
  "cjv": 4.012498833374561,
  "cnr": 0.3917837964188051,
  "efc": 0.3888442597378825,
  "fber": 10307.027024221452,
  "fwhm_avg": 2.2731966666666668,
  "fwhm_x": 1.90621,
  "fwhm_y": 2.52179,
  "fwhm_z": 2.39159,
  "icvs_csf": 0.314274313343756,
  "icvs_gm": 0.49723206686565796,
  "icvs_wm": 0.18849361979058604,
  "inu_med": 0.9170690774917603,
  "inu_range": 0.45451223850250244,
  "provenance": {
    "md5sum": "78bca083fbdd0dca2c8a2663b80a9f79",
    "settings": {
      "testing": false
    },
    "software": "mriqc",
    "version": "22.0.6",
    "warnings": {
      "large_rot_frame": true,
      "small_air_mask": false
    },
    "webapi_port": null,
    "webapi_url": "https://mriqc.nimh.nih.gov/api/v1"
  },
  "qi_1": 0.0,
  "qi_2": 0.015423626724873027,
  "rpve_csf": 18.631188812567693,
  "rpve_gm": 14.196742863822026,
  "rpve_wm": 37.75945714835831,
  "size_x": 204,
  "size_y": 256,
  "size_z": 256,
  "snr_csf": 11.580426527988294,
  "snr_gm": 12.747324530196865,
  "snr_total": 8.50222075920032,
  "snr_wm": 1.1789112194158016,
  "snrd_csf": 69.17272052178093,
  "snrd_gm": 48.44869573548441,
  "snrd_total": 63.418054124549066,
  "snrd_wm": 72.63274611638185,
  "spacing_x": 1.0,
  "spacing_y": 1.0,
  "spacing_z": 1.0,
  "summary_bg_k": 1.5849318960597127,
  "summary_bg_mad": 9.052755253683427,
  "summary_bg_mean": 6.170390917924981,
  "summary_bg_median": 6.105990629643202,
  "summary_bg_n": 3669584.0,
  "summary_bg_p05": 0.0,
  "summary_bg_p95": 17.8571424074471,
  "summary_bg_stdv": 6.203999094743203,
  "summary_csf_k": 0.4352995481406521,
  "summary_csf_mad": 79.82366582178722,
  "summary_csf_mean": 957.0431041820303,
  "summary_csf_median": 955.8371495082974,
  "summary_csf_n": 20977.0,
  "summary_csf_p05": 825.4070452660322,
  "summary_csf_p95": 1093.5560400493443,
  "summary_csf_stdv": 82.53706061227875,
  "summary_gm_k": -0.11216591833091627,
  "summary_gm_mad": 54.03185368393442,
  "summary_gm_mean": 667.8135588002569,
  "summary_gm_median": 669.4700292237103,
  "summary_gm_n": 196214.0,
  "summary_gm_p05": 579.1858533099294,
  "summary_gm_p95": 750.1151884831488,
  "summary_gm_stdv": 52.51833995961897,
  "summary_wm_k": -1.652252342529623,
  "summary_wm_mad": 1286.8576996462443,
  "summary_wm_mean": 1023.6270080281562,
  "summary_wm_median": 1003.6482082121074,
  "summary_wm_n": 42531.0,
  "summary_wm_p05": 36.136711839586496,
  "summary_wm_p95": 2243.433123227209,
  "summary_wm_stdv": 851.3248432909635,
  "tpm_overlap_csf": 0.10665375226807908,
  "tpm_overlap_gm": 0.31142297645994294,
  "tpm_overlap_wm": 0.03887609835941833,
  "wm2max": 0.45324218913566167
}