{
  "bids_meta": {
    "AcquisitionMatrixPE": 256,
    "AcquisitionNumber": 1,
    "AcquisitionTime": "15:02:16.000000",
    "BodyPartExamined": "BRAIN",
    "CoilString": "32Ch Head",
    "ConversionSoftware": "dcm2niix",
    "ConversionSoftwareVersion": "v1.0.20211006",
    "Dcm2bidsVersion": "2.1.6",
    "DeviceSerialNumber": "000301496MR3T6MR",
    "EchoTime": 0.00292,
    "FlipAngle": 8,
    "ImageOrientationPatientDICOM": [
      0,
      1,
      0,
      0,
      0,
      -1
    ],
    "ImageType": [
      "ORIGINAL",
      "PRIMARY",
      "OTHER"
    ],
    "ImagingFrequency": 127.697,
    "InPlanePhaseEncodingDirectionDICOM": "ROW",
    "InstitutionName": "NIH FMRIF",
    "InversionTime": 1.06,
    "MRAcquisitionType": "3D",
    "MagneticFieldStrength": 3,
    "Manufacturer": "GE",
    "ManufacturersModelName": "DISCOVERY MR750",
    "Modality": "MR",
    "ParallelReductionFactorInPlane": 2,
    "ParallelReductionOutOfPlane": 2,
    "PatientPosition": "HFS",
    "PercentPhaseFOV": 100,
    "PercentSampling": 100,
    "PixelBandwidth": 244.141,
    "ProcedureStepDescription": "MRI Brain",
    "ProtocolName": "ADNI3 FMRIF Enhanced Pro",
    "ReconMatrixPE": 256,
    "RepetitionTime": 0.006952,
    "SAR": 0.0988406,
    "ScanOptions": "EDR_GEMS\\PROMO_GEMS\\ACC_GEMS\\IR_GEMS",
    "ScanningSequence": "RM",
    "SequenceVariant": "NONE",
    "SeriesDescription": "ORIG Anat T1w MP-RAGE 1mm (ABCD)",
    "SeriesNumber": 40003,
    "SliceThickness": 1,
    "SoftwareVersions": "27\\LX\\MR Software release:DV26.0_R03_1831.b",
    "SpacingBetweenSlices": 1,
    "StationName": "FMRI3tb",
    "acq_id": "MPRAGE",
    "dataset": "ds004215",
    "modality": "T1w",
    "session_id": "01",
    "subject_id": "ON26105"
  },
  "cjv": 0.3551885411273165,
  "cnr": 3.7074640436118815,
  "efc": 0.39948915979091326,
  "fber": 7243.642146744231,
  "fwhm_avg": 3.7101466666666667,
  "fwhm_x": 3.70095,
  "fwhm_y": 3.79618,
  "fwhm_z": 3.63331,
  "icvs_csf": 0.2522329671774594,
  "icvs_gm": 0.4030999748645302,
  "icvs_wm": 0.3446670579580104,
  "inu_med": 0.8216760754585266,
  "inu_range": 0.4302307844161988,
  "provenance": {
    "md5sum": "aceb46b384b8e80ee3b7b4624baed36b",
    "settings": {
      "testing": false
    },
    "software": "mriqc",
    "version": "22.0.6",
    "warnings": {
      "large_rot_frame": true,
      "small_air_mask": false
    },
    "webapi_port": null,
    "webapi_url": "https://mriqc.nimh.nih.gov/api/v1"
  },
  "qi_1": 0.0,
  "qi_2": 0.0017502647087010333,
  "rpve_csf": 28.06263701004999,
  "rpve_gm": 16.931949525309506,
  "rpve_wm": 23.445777114899045,
  "size_x": 208,
  "size_y": 256,
  "size_z": 256,
  "snr_csf": 1.1957679231571159,
  "snr_gm": 7.572314228100794,
  "snr_total": 9.434721023726018,
  "snr_wm": 19.536080919920142,
  "snrd_csf": 7.5764881252684075,
  "snrd_gm": 34.744693541672056,
  "snrd_total": 32.37913504649021,
  "snrd_wm": 54.81622347253018,
  "spacing_x": 1.0,
  "spacing_y": 1.0,
  "spacing_z": 1.0,
  "summary_bg_k": 1.6545649360039043,
  "summary_bg_mad": 11.951919088012408,
  "summary_bg_mean": 11.949031795637746,
  "summary_bg_median": 8.06144692003727,
  "summary_bg_n": 3936555.0,
  "summary_bg_p05": 0.0,
  "summary_bg_p95": 33.17994676530361,
  "summary_bg_stdv": 11.305553936982061,
  "summary_csf_k": 0.14587985997999775,
  "summary_csf_mad": 100.89881908206183,
  "summary_csf_mean": 173.15027508949402,
  "summary_csf_median": 138.2209461182356,
  "summary_csf_n": 48859.0,
  "summary_csf_p05": 37.60855279862881,
  "summary_csf_p95": 400.4463210180401,
  "summary_csf_stdv": 115.59059993680535,
  "summary_gm_k": 0.13079133570106194,
  "summary_gm_mad": 81.27817937749211,
  "summary_gm_mean": 634.3163009552294,
  "summary_gm_median": 633.8615377619863,
  "summary_gm_n": 22962.0,
  "summary_gm_p05": 497.63000451028347,
  "summary_gm_p95": 775.9730834774673,
  "summary_gm_stdv": 83.70594723299894,
  "summary_wm_k": 0.525771860612319,
  "summary_wm_mad": 48.782296363518455,
  "summary_wm_mean": 999.5264994072949,
  "summary_wm_median": 1000.0345999002457,
  "summary_wm_n": 180573.0,
  "summary_wm_p05": 914.8877292126417,
  "summary_wm_p95": 1082.0330084860325,
  "summary_wm_stdv": 51.18896850072267,
  "tpm_overlap_csf": 0.14260737523358122,
  "tpm_overlap_gm": 0.4620385133111774,
  "tpm_overlap_wm": 0.5141066854941294,
  "wm2max": 0.5258619121258983
}