{
  "aor": 0.027303333333333332,
  "aqi": 0.0013418125555555557,
  "bids_meta": {
    "AcquisitionMatrixPE": 64,
    "AcquisitionNumber": 1,
    "AcquisitionTime": "16:12:18.000000",
    "BodyPartExamined": "BRAIN",
    "CoilString": "32Ch Head",
    "ConversionSoftware": "dcm2niix",
    "ConversionSoftwareVersion": "v1.0.20211006",
    "Dcm2bidsVersion": "2.1.6",
    "DeviceSerialNumber": "000301496MR3T6MR",
    "EchoTime": 0.0169,
    "EffectiveEchoSpacing": 0.000416,
    "FlipAngle": 90,
    "ImageOrientationPatientDICOM": [
      1,
      0,
      0,
      0,
      1,
      0
    ],
    "ImageType": [
      "ORIGINAL",
      "PRIMARY",
      "OTHER"
    ],
    "ImagingFrequency": 127.697,
    "InPlanePhaseEncodingDirectionDICOM": "COL",
    "InstitutionName": "NIH FMRIF",
    "InternalPulseSequenceName": "EPI",
    "MRAcquisitionType": "2D",
    "MagneticFieldStrength": 3,
    "Manufacturer": "GE",
    "ManufacturersModelName": "DISCOVERY MR750",
    "Modality": "MR",
    "PatientPosition": "HFS",
    "PercentPhaseFOV": 100,
    "PercentSampling": 100,
    "PhaseEncodingDirection": "j-",
    "PhaseEncodingPolarityGE": "Unflipped",
    "PixelBandwidth": 7812.5,
    "ProcedureStepDescription": "MRI Brain",
    "ProtocolName": "ADNI3 FMRIF Enhanced Pro",
    "PulseSequenceName": "epi",
    "ReconMatrixPE": 64,
    "RepetitionTime": 3,
    "SAR": 0.20901,
    "ScanOptions": "MP_GEMS\\EPI_GEMS\\PFF",
    "ScanningSequence": "EP\\GR",
    "SequenceVariant": "SS",
    "SeriesDescription": "Axial rsfMRI reverse blip - RKV",
    "SeriesNumber": 11,
    "SliceThickness": 3.4,
    "SliceTiming": [
      0,
      1.5,
      0.0625,
      1.5625,
      0.125,
      1.625,
      0.1875,
      1.6875,
      0.25,
      1.75,
      0.3125,
      1.8125,
      0.375,
      1.875,
      0.4375,
      1.9375,
      0.5,
      2,
      0.5625,
      2.0625,
      0.625,
      2.125,
      0.6875,
      2.1875,
      0.75,
      2.25,
      0.8125,
      2.3125,
      0.875,
      2.375,
      0.9375,
      2.4375,
      1,
      2.5,
      1.0625,
      2.5625,
      1.125,
      2.625,
      1.1875,
      2.6875,
      1.25,
      2.75,
      1.3125,
      2.8125,
      1.375,
      2.875,
      1.4375,
      2.9375
    ],
    "SoftwareVersions": "27\\LX\\MR Software release:DV26.0_R03_1831.b",
    "SpacingBetweenSlices": 3.4,
    "StationName": "FMRI3tb",
    "TaskName": "Resting state with reverse blip.",
    "TotalReadoutTime": 0.026208,
    "TriggerDelayTime": 29938,
    "dataset": "ds004215",
    "modality": "bold",
    "session_id": "01",
    "subject_id": "ON95259",
    "task_id": "rest"
  },
  "dummy_trs": 1,
  "dvars_nstd": 13.873137592500001,
  "dvars_std": 1.2194225625,
  "dvars_vstd": 1.2403076812499998,
  "efc": 0.45903152325465224,
  "fber": 4550.22900390625,
  "fd_mean": 0.06840257371847691,
  "fd_num": 0,
  "fd_perc": 0.0,
  "fwhm_avg": 2.3784706138035543,
  "fwhm_x": 2.3610472727272724,
  "fwhm_y": 2.2761774545454547,
  "fwhm_z": 2.4981871141379353,
  "gcor": 0.0134352,
  "gsr_x": 0.0009080959716811776,
  "gsr_y": 0.0246377345174551,
  "provenance": {
    "md5sum": "879ed7c310ee9ab2840ecf25269dc77c",
    "settings": {
      "fd_thres": 0.2,
      "testing": false
    },
    "software": "mriqc",
    "version": "22.0.6",
    "webapi_port": null,
    "webapi_url": "https://mriqc.nimh.nih.gov/api/v1"
  },
  "size_t": 9,
  "size_x": 64,
  "size_y": 64,
  "size_z": 48,
  "snr": 5.4209108177005,
  "spacing_tr": 3.0,
  "spacing_x": 3.4375,
  "spacing_y": 3.4375,
  "spacing_z": 3.4000015258789062,
  "summary_bg_k": 26.49188128550109,
  "summary_bg_mad": 15.484956818596212,
  "summary_bg_mean": 143.0172882080078,
  "summary_bg_median": 37.88888931274414,
  "summary_bg_n": 137552.0,
  "summary_bg_p05": 24.88888931274414,
  "summary_bg_p95": 600.2222290039062,
  "summary_bg_stdv": 277.8202209472656,
  "summary_fg_k": 0.9080558761608386,
  "summary_fg_mad": 427.1541322912882,
  "summary_fg_mean": 2530.337646484375,
  "summary_fg_median": 2491.77783203125,
  "summary_fg_n": 23479.0,
  "summary_fg_p05": 1827.5555419921875,
  "summary_fg_p95": 3330.166650390624,
  "summary_fg_stdv": 459.65057373046875,
  "tsnr": 163.73327482491732
}