{
  "aor": 0.033827777777777776,
  "aqi": 0.0017431975555555557,
  "bids_meta": {
    "AcquisitionMatrixPE": 64,
    "AcquisitionNumber": 1,
    "AcquisitionTime": "15:24:31.000000",
    "BodyPartExamined": "BRAIN",
    "CoilString": "32Ch Head",
    "ConversionSoftware": "dcm2niix",
    "ConversionSoftwareVersion": "v1.0.20211006",
    "Dcm2bidsVersion": "2.1.6",
    "DeviceSerialNumber": "000301496MR3T6MR",
    "EchoTime": 0.0169,
    "EffectiveEchoSpacing": 0.000416,
    "FlipAngle": 90,
    "ImageOrientationPatientDICOM": [
      1,
      0,
      0,
      0,
      1,
      0
    ],
    "ImageType": [
      "ORIGINAL",
      "PRIMARY",
      "OTHER"
    ],
    "ImagingFrequency": 127.697,
    "InPlanePhaseEncodingDirectionDICOM": "COL",
    "InstitutionName": "NIH FMRIF",
    "InternalPulseSequenceName": "EPI",
    "MRAcquisitionType": "2D",
    "MagneticFieldStrength": 3,
    "Manufacturer": "GE",
    "ManufacturersModelName": "DISCOVERY MR750",
    "Modality": "MR",
    "PatientPosition": "HFS",
    "PercentPhaseFOV": 100,
    "PercentSampling": 100,
    "PhaseEncodingDirection": "j-",
    "PhaseEncodingPolarityGE": "Unflipped",
    "PixelBandwidth": 7812.5,
    "ProcedureStepDescription": "MRI Brain",
    "ProtocolName": "ADNI3 FMRIF Enhanced Pro",
    "PulseSequenceName": "epi",
    "ReconMatrixPE": 64,
    "RepetitionTime": 3,
    "SAR": 0.148424,
    "ScanOptions": "MP_GEMS\\EPI_GEMS\\PFF",
    "ScanningSequence": "EP\\GR",
    "SequenceVariant": "SS",
    "SeriesDescription": "Axial rsfMRI reverse blip - RKV",
    "SeriesNumber": 11,
    "SliceThickness": 3.4,
    "SliceTiming": [
      0,
      1.5,
      0.0625,
      1.5625,
      0.125,
      1.625,
      0.1875,
      1.6875,
      0.25,
      1.75,
      0.3125,
      1.8125,
      0.375,
      1.875,
      0.4375,
      1.9375,
      0.5,
      2,
      0.5625,
      2.0625,
      0.625,
      2.125,
      0.6875,
      2.1875,
      0.75,
      2.25,
      0.8125,
      2.3125,
      0.875,
      2.375,
      0.9375,
      2.4375,
      1,
      2.5,
      1.0625,
      2.5625,
      1.125,
      2.625,
      1.1875,
      2.6875,
      1.25,
      2.75,
      1.3125,
      2.8125,
      1.375,
      2.875,
      1.4375,
      2.9375
    ],
    "SoftwareVersions": "27\\LX\\MR Software release:DV26.0_R03_1831.b",
    "SpacingBetweenSlices": 3.4,
    "StationName": "FMRI3tb",
    "TaskName": "Resting state with reverse blip.",
    "TotalReadoutTime": 0.026208,
    "TriggerDelayTime": 29938,
    "dataset": "ds004215",
    "modality": "bold",
    "session_id": "01",
    "subject_id": "ON89474",
    "task_id": "rest"
  },
  "dummy_trs": 1,
  "dvars_nstd": 10.41080594,
  "dvars_std": 1.41047725,
  "dvars_vstd": 1.3639563625000002,
  "efc": 0.4301631028413744,
  "fber": 5674.55322265625,
  "fd_mean": 0.047306770700586136,
  "fd_num": 0,
  "fd_perc": 0.0,
  "fwhm_avg": 2.1782493876311317,
  "fwhm_x": 2.1471767272727273,
  "fwhm_y": 2.0643316363636366,
  "fwhm_z": 2.323239799257031,
  "gcor": 0.0054708,
  "gsr_x": -0.01557132974267006,
  "gsr_y": 0.026042139157652855,
  "provenance": {
    "md5sum": "fec87bbc7162300de5508ad327e06be2",
    "settings": {
      "fd_thres": 0.2,
      "testing": false
    },
    "software": "mriqc",
    "version": "22.0.6",
    "webapi_port": null,
    "webapi_url": "https://mriqc.nimh.nih.gov/api/v1"
  },
  "size_t": 9,
  "size_x": 64,
  "size_y": 64,
  "size_z": 48,
  "snr": 6.411405334144023,
  "spacing_tr": 3.0,
  "spacing_x": 3.4375,
  "spacing_y": 3.4375,
  "spacing_z": 3.3999977111816406,
  "summary_bg_k": 27.287486208552405,
  "summary_bg_mad": 5.930408874022408,
  "summary_bg_mean": 102.76322937011719,
  "summary_bg_median": 30.33333396911621,
  "summary_bg_n": 140015.0,
  "summary_bg_p05": 23.88888931274414,
  "summary_bg_p95": 536.0,
  "summary_bg_stdv": 221.065673828125,
  "summary_fg_k": 1.1507387396715005,
  "summary_fg_mad": 331.2790681734485,
  "summary_fg_mean": 2339.88037109375,
  "summary_fg_median": 2300.444580078125,
  "summary_fg_n": 22041.0,
  "summary_fg_p05": 1816.2222900390625,
  "summary_fg_p95": 2964.444580078125,
  "summary_fg_stdv": 358.7969055175781,
  "tsnr": 226.9327596053481
}