{
  "aor": 0.0018537185929648245,
  "aqi": 0.0023959529145728643,
  "bids_meta": {
    "AcquisitionMatrixPE": 64,
    "AcquisitionNumber": 1,
    "AcquisitionTime": "15:13:2.000000",
    "BodyPartExamined": "BRAIN",
    "CoilString": "32Ch Head",
    "ConversionSoftware": "dcm2niix",
    "ConversionSoftwareVersion": "v1.0.20211006",
    "Dcm2bidsVersion": "2.1.6",
    "DeviceSerialNumber": "000301496MR3T6MR",
    "EchoTime": 0.0169,
    "EffectiveEchoSpacing": 0.000416,
    "FlipAngle": 90,
    "ImageOrientationPatientDICOM": [
      1,
      0,
      0,
      0,
      1,
      0
    ],
    "ImageType": [
      "ORIGINAL",
      "PRIMARY",
      "OTHER"
    ],
    "ImagingFrequency": 127.697,
    "InPlanePhaseEncodingDirectionDICOM": "COL",
    "InstitutionName": "NIH FMRIF",
    "InternalPulseSequenceName": "EPI",
    "MRAcquisitionType": "2D",
    "MagneticFieldStrength": 3,
    "Manufacturer": "GE",
    "ManufacturersModelName": "DISCOVERY MR750",
    "Modality": "MR",
    "PatientPosition": "HFS",
    "PercentPhaseFOV": 100,
    "PercentSampling": 100,
    "PhaseEncodingDirection": "j",
    "PhaseEncodingPolarityGE": "Flipped",
    "PixelBandwidth": 7812.5,
    "ProcedureStepDescription": "MRI Brain",
    "ProtocolName": "ADNI3 FMRIF Enhanced Pro",
    "PulseSequenceName": "epi",
    "ReconMatrixPE": 64,
    "RepetitionTime": 3,
    "SAR": 0.148424,
    "ScanOptions": "MP_GEMS\\EPI_GEMS\\PFF",
    "ScanningSequence": "EP\\GR",
    "SequenceVariant": "SS",
    "SeriesDescription": "Axial rsfMRI with Eyes Open - RKV",
    "SeriesNumber": 10,
    "SliceThickness": 3.4,
    "SliceTiming": [
      0,
      1.5,
      0.0625,
      1.5625,
      0.125,
      1.625,
      0.1875,
      1.6875,
      0.25,
      1.75,
      0.3125,
      1.8125,
      0.375,
      1.875,
      0.4375,
      1.9375,
      0.5,
      2,
      0.5625,
      2.0625,
      0.625,
      2.125,
      0.6875,
      2.1875,
      0.75,
      2.25,
      0.8125,
      2.3125,
      0.875,
      2.375,
      0.9375,
      2.4375,
      1,
      2.5,
      1.0625,
      2.5625,
      1.125,
      2.625,
      1.1875,
      2.6875,
      1.25,
      2.75,
      1.3125,
      2.8125,
      1.375,
      2.875,
      1.4375,
      2.9375
    ],
    "SoftwareVersions": "27\\LX\\MR Software release:DV26.0_R03_1831.b",
    "SpacingBetweenSlices": 3.4,
    "StationName": "FMRI3tb",
    "TaskName": "Resting state with eyes open.",
    "TotalReadoutTime": 0.026208,
    "TriggerDelayTime": 599938,
    "dataset": "ds004215",
    "modality": "bold",
    "session_id": "01",
    "subject_id": "ON89474",
    "task_id": "rest"
  },
  "dummy_trs": 1,
  "dvars_nstd": 9.373508718434344,
  "dvars_std": 1.1093606102020206,
  "dvars_vstd": 0.9358227472727274,
  "efc": 0.42649176638893666,
  "fber": 5765.63525390625,
  "fd_mean": 0.05298480152332056,
  "fd_num": 0,
  "fd_perc": 0.0,
  "fwhm_avg": 2.3845655415754172,
  "fwhm_x": 2.387592727272727,
  "fwhm_y": 2.201669818181818,
  "fwhm_z": 2.5644340792717064,
  "gcor": 0.014647,
  "gsr_x": -0.01685088872909546,
  "gsr_y": 0.008727635256946087,
  "provenance": {
    "md5sum": "0874ba8c7ca15c8962a3db579fb6d767",
    "settings": {
      "fd_thres": 0.2,
      "testing": false
    },
    "software": "mriqc",
    "version": "22.0.6",
    "webapi_port": null,
    "webapi_url": "https://mriqc.nimh.nih.gov/api/v1"
  },
  "size_t": 199,
  "size_x": 64,
  "size_y": 64,
  "size_z": 48,
  "snr": 5.333332192415497,
  "spacing_tr": 3.0,
  "spacing_x": 3.4375,
  "spacing_y": 3.4375,
  "spacing_z": 3.3999977111816406,
  "summary_bg_k": 20.320329689738877,
  "summary_bg_mad": 6.705239674026896,
  "summary_bg_mean": 112.57923126220703,
  "summary_bg_median": 30.472360610961914,
  "summary_bg_n": 141486.0,
  "summary_bg_p05": 20.497488021850586,
  "summary_bg_p95": 613.4020080566406,
  "summary_bg_stdv": 246.07302856445312,
  "summary_fg_k": 1.3236596286895805,
  "summary_fg_mad": 380.65630978415203,
  "summary_fg_mean": 2356.1572265625,
  "summary_fg_median": 2319.03271484375,
  "summary_fg_n": 21520.0,
  "summary_fg_p05": 1689.0657897949218,
  "summary_fg_p95": 3113.3501953125,
  "summary_fg_stdv": 434.8086242675781,
  "tsnr": 115.58608201611787
}