{
  "bids_meta": {
    "AcquisitionMatrixPE": 256,
    "AcquisitionNumber": 1,
    "AcquisitionTime": "15:33:23.000000",
    "BodyPartExamined": "BRAIN",
    "CoilString": "32Ch Head",
    "ConversionSoftware": "dcm2niix",
    "ConversionSoftwareVersion": "v1.0.20211006",
    "Dcm2bidsVersion": "2.1.6",
    "DeviceSerialNumber": "000301496MR3T6MR",
    "EchoTime": 0.066898,
    "EchoTrainLength": 140,
    "FlipAngle": 90,
    "ImageOrientationPatientDICOM": [
      0,
      1,
      0,
      0,
      0,
      -1
    ],
    "ImageType": [
      "ORIGINAL",
      "PRIMARY",
      "OTHER"
    ],
    "ImagingFrequency": 127.697,
    "InPlanePhaseEncodingDirectionDICOM": "ROW",
    "InstitutionName": "NIH FMRIF",
    "MRAcquisitionType": "3D",
    "MagneticFieldStrength": 3,
    "Manufacturer": "GE",
    "ManufacturersModelName": "DISCOVERY MR750",
    "Modality": "MR",
    "ParallelReductionFactorInPlane": 2,
    "ParallelReductionOutOfPlane": 1.5,
    "PatientPosition": "HFS",
    "PercentPhaseFOV": 100,
    "PercentSampling": 100,
    "PhaseEncodingAxis": "i",
    "PixelBandwidth": 244.141,
    "ProcedureStepDescription": "MRI Brain",
    "ProtocolName": "ADNI3 FMRIF Enhanced Pro",
    "ReconMatrixPE": 256,
    "RepetitionTime": 3.202,
    "SAR": 0.431,
    "ScanOptions": "SAT_GEMS\\EDR_GEMS\\PROMO_GEMS\\ACC_GEMS\\FS\\FR_GEMS",
    "ScanningSequence": "RM",
    "SequenceVariant": "NONE",
    "SeriesDescription": "Sag_CUBE_T2",
    "SeriesNumber": 4,
    "SliceThickness": 1,
    "SoftwareVersions": "27\\LX\\MR Software release:DV26.0_R01_1725.a",
    "SpacingBetweenSlices": 1,
    "StationName": "fmrif3tb",
    "acq_id": "CUBE",
    "dataset": "ds004215",
    "modality": "T2w",
    "session_id": "01",
    "subject_id": "ON99299"
  },
  "cjv": 2.575135219147685,
  "cnr": 0.6218524402614992,
  "efc": 0.39959252021139124,
  "fber": 8449.852071005918,
  "fwhm_avg": 2.3436066666666666,
  "fwhm_x": 1.97515,
  "fwhm_y": 2.58037,
  "fwhm_z": 2.4753,
  "icvs_csf": 0.303583127789352,
  "icvs_gm": 0.506065379487957,
  "icvs_wm": 0.19035149272269097,
  "inu_med": 0.8949334621429443,
  "inu_range": 0.4623885065317155,
  "provenance": {
    "md5sum": "f9a03ac4412134a783ebee6957290024",
    "settings": {
      "testing": false
    },
    "software": "mriqc",
    "version": "22.0.6",
    "warnings": {
      "large_rot_frame": true,
      "small_air_mask": false
    },
    "webapi_port": null,
    "webapi_url": "https://mriqc.nimh.nih.gov/api/v1"
  },
  "qi_1": 0.0001600738802524242,
  "qi_2": 0.007113083928226223,
  "rpve_csf": 19.559544746495153,
  "rpve_gm": 14.545239889033613,
  "rpve_wm": 38.93212299878869,
  "size_x": 204,
  "size_y": 256,
  "size_z": 256,
  "snr_csf": 10.51707453912082,
  "snr_gm": 11.386362476682017,
  "snr_total": 7.743913563699283,
  "snr_wm": 1.328303675295009,
  "snrd_csf": 66.20973992712305,
  "snrd_gm": 43.14462130662714,
  "snrd_total": 63.54003142365837,
  "snrd_wm": 81.26573303722492,
  "spacing_x": 1.0,
  "spacing_y": 1.0,
  "spacing_z": 1.0,
  "summary_bg_k": 38.73847544948936,
  "summary_bg_mad": 8.099030947762166,
  "summary_bg_mean": 8.083454486479674,
  "summary_bg_median": 5.462713360786438,
  "summary_bg_n": 3813332.0,
  "summary_bg_p05": 0.0,
  "summary_bg_p95": 26.702605441212654,
  "summary_bg_stdv": 10.540956302329265,
  "summary_csf_k": 0.8336136606552929,
  "summary_csf_mad": 72.14531515309193,
  "summary_csf_mean": 822.2076876881118,
  "summary_csf_median": 818.5085315257311,
  "summary_csf_n": 17329.0,
  "summary_csf_p05": 702.8212005496025,
  "summary_csf_p95": 955.3495012134313,
  "summary_csf_stdv": 77.82439036761122,
  "summary_gm_k": 0.08054083351994645,
  "summary_gm_mad": 47.048975834697316,
  "summary_gm_mean": 532.9333677420515,
  "summary_gm_median": 533.3692696541548,
  "summary_gm_n": 210350.0,
  "summary_gm_p05": 455.0943374186754,
  "summary_gm_p95": 607.9065559059381,
  "summary_gm_stdv": 46.84270353513827,
  "summary_wm_k": -1.575482043464988,
  "summary_wm_mad": 1166.5268719694545,
  "summary_wm_mean": 925.6612373808607,
  "summary_wm_median": 1004.6361137330532,
  "summary_wm_n": 41343.0,
  "summary_wm_p05": 31.08715169131756,
  "summary_wm_p95": 2085.3548865765333,
  "summary_wm_stdv": 756.3209997305632,
  "tpm_overlap_csf": 0.09859827359318353,
  "tpm_overlap_gm": 0.313318957535254,
  "tpm_overlap_wm": 0.04428115763270983,
  "wm2max": 0.5080697928026172
}