{
  "bids_meta": {
    "AcquisitionMatrixPE": 256,
    "AcquisitionNumber": 1,
    "AcquisitionTime": "15:27:2.000000",
    "BodyPartExamined": "BRAIN",
    "CoilString": "32Ch Head",
    "ConversionSoftware": "dcm2niix",
    "ConversionSoftwareVersion": "v1.0.20211006",
    "Dcm2bidsVersion": "2.1.6",
    "DeviceSerialNumber": "000301496MR3T6MR",
    "EchoTime": 0.003036,
    "FlipAngle": 11,
    "ImageOrientationPatientDICOM": [
      0,
      1,
      0,
      0,
      0,
      -1
    ],
    "ImageType": [
      "ORIGINAL",
      "PRIMARY",
      "OTHER"
    ],
    "ImagingFrequency": 127.697,
    "InPlanePhaseEncodingDirectionDICOM": "ROW",
    "InstitutionName": "NIH FMRIF",
    "InversionTime": 0.4,
    "MRAcquisitionType": "3D",
    "MagneticFieldStrength": 3,
    "Manufacturer": "GE",
    "ManufacturersModelName": "DISCOVERY MR750",
    "Modality": "MR",
    "ParallelReductionFactorInPlane": 1.72974,
    "PatientPosition": "HFS",
    "PercentPhaseFOV": 100,
    "PercentSampling": 100,
    "PixelBandwidth": 244.141,
    "ProcedureStepDescription": "MRI Brain",
    "ProtocolName": "ADNI3 FMRIF Enhanced Pro",
    "ReconMatrixPE": 256,
    "RepetitionTime": 0.007348,
    "SAR": 0.204517,
    "ScanOptions": "FAST_GEMS\\EDR_GEMS\\FILTERED_GEMS\\ACC_GEMS\\IR_GEMS",
    "ScanningSequence": "GR",
    "SequenceVariant": "SS\\SP\\SK",
    "SeriesDescription": "Accelerated Sagittal IR-FSPGR",
    "SeriesNumber": 3,
    "SliceThickness": 1.2,
    "SoftwareVersions": "27\\LX\\MR Software release:DV26.0_R01_1725.a",
    "SpacingBetweenSlices": 1.2,
    "SpoilingState": true,
    "StationName": "fmrif3tb",
    "acq_id": "FSPGR",
    "dataset": "ds004215",
    "modality": "T1w",
    "rec_id": "SCIC",
    "session_id": "01",
    "subject_id": "ON99299"
  },
  "cjv": 0.30646925920516876,
  "cnr": 4.321083372033411,
  "efc": 0.5560866781812355,
  "fber": -1.0,
  "fwhm_avg": 3.463837933025525,
  "fwhm_x": 3.3038207302574274,
  "fwhm_y": 3.611007811417169,
  "fwhm_z": 3.4766852574019786,
  "icvs_csf": 0.2209081434344172,
  "icvs_gm": 0.44312611255443546,
  "icvs_wm": 0.33596574401114737,
  "inu_med": 0.46153901517391205,
  "inu_range": 0.08919197916984561,
  "provenance": {
    "md5sum": "f1f494ed54ddb42b169e943b1ad8a7eb",
    "settings": {
      "testing": false
    },
    "software": "mriqc",
    "version": "22.0.6",
    "warnings": {
      "large_rot_frame": true,
      "small_air_mask": false
    },
    "webapi_port": null,
    "webapi_url": "https://mriqc.nimh.nih.gov/api/v1"
  },
  "qi_1": 0.0,
  "qi_2": 0.0031609757067407552,
  "rpve_csf": 34.54993102328978,
  "rpve_gm": 18.455230160733823,
  "rpve_wm": 29.20177238827265,
  "size_x": 196,
  "size_y": 256,
  "size_z": 256,
  "snr_csf": 2.3003750060005705,
  "snr_gm": 9.424782186816657,
  "snr_total": 12.543943566693898,
  "snr_wm": 25.90667350726447,
  "snrd_csf": 18.657509658652383,
  "snrd_gm": 49.720480192415245,
  "snrd_total": 48.11025727216645,
  "snrd_wm": 75.95278196543171,
  "spacing_x": 1.2000045776367188,
  "spacing_y": 1.0547000169754028,
  "spacing_z": 1.0547000169754028,
  "summary_bg_k": 18.419783487783075,
  "summary_bg_mad": 0.0,
  "summary_bg_mean": 4.995497424094187,
  "summary_bg_median": 0.0,
  "summary_bg_n": 1118306.0,
  "summary_bg_p05": 0.0,
  "summary_bg_p95": 20.478838607668877,
  "summary_bg_stdv": 8.625574803440491,
  "summary_csf_k": 7.332169490168786,
  "summary_csf_mad": 81.16273371013234,
  "summary_csf_mean": 254.72999185616646,
  "summary_csf_median": 245.64616651833057,
  "summary_csf_n": 14167.0,
  "summary_csf_p05": 86.83693548142911,
  "summary_csf_p95": 446.76501110792145,
  "summary_csf_stdv": 106.78150130473345,
  "summary_gm_k": 0.008663608550344648,
  "summary_gm_mad": 68.86983791096996,
  "summary_gm_mean": 652.0692093348684,
  "summary_gm_median": 654.6235580295324,
  "summary_gm_n": 23151.0,
  "summary_gm_p05": 532.9659371301532,
  "summary_gm_p95": 761.9626413658261,
  "summary_gm_stdv": 69.45618548781792,
  "summary_wm_k": 0.3723977469124704,
  "summary_wm_mad": 36.977425516355915,
  "summary_wm_mean": 998.6894234023513,
  "summary_wm_median": 1000.0000036209822,
  "summary_wm_n": 133476.0,
  "summary_wm_p05": 933.3272319100797,
  "summary_wm_p95": 1059.971366763115,
  "summary_wm_stdv": 38.5999482852075,
  "tpm_overlap_csf": 0.16305096972022926,
  "tpm_overlap_gm": 0.4696245480325284,
  "tpm_overlap_wm": 0.5126900317507518,
  "wm2max": 0.5127894269517109
}