{
  "bids_meta": {
    "AcquisitionMatrixPE": 256,
    "AcquisitionNumber": 1,
    "AcquisitionTime": "10:52:46.000000",
    "BodyPartExamined": "BRAIN",
    "CoilString": "32Ch Head",
    "ConversionSoftware": "dcm2niix",
    "ConversionSoftwareVersion": "v1.0.20211006",
    "Dcm2bidsVersion": "2.1.6",
    "DeviceSerialNumber": "000301496mr3T5mr",
    "EchoTime": 0.058743,
    "EchoTrainLength": 140,
    "FlipAngle": 90,
    "ImageOrientationPatientDICOM": [
      0,
      1,
      0,
      0,
      0,
      -1
    ],
    "ImageType": [
      "ORIGINAL",
      "PRIMARY",
      "OTHER"
    ],
    "ImagingFrequency": 127.824,
    "InPlanePhaseEncodingDirectionDICOM": "ROW",
    "InstitutionName": "NIH FMRIF",
    "MRAcquisitionType": "3D",
    "MagneticFieldStrength": 3,
    "Manufacturer": "GE",
    "ManufacturersModelName": "DISCOVERY MR750",
    "Modality": "MR",
    "ParallelReductionFactorInPlane": 2,
    "ParallelReductionOutOfPlane": 1.5,
    "PatientPosition": "HFS",
    "PercentPhaseFOV": 100,
    "PercentSampling": 100,
    "PhaseEncodingAxis": "i",
    "PixelBandwidth": 244.141,
    "ProcedureStepDescription": "MRI Brain",
    "ProtocolName": "ADNI3 FMRIF Enhanced Pro",
    "ReconMatrixPE": 256,
    "RepetitionTime": 3.202,
    "SAR": 0.3872,
    "ScanOptions": "SAT_GEMS\\EDR_GEMS\\PROMO_GEMS\\FILTERED_GEMS\\ACC_GEMS\\FS\\FR_GEMS",
    "ScanningSequence": "RM",
    "SequenceVariant": "NONE",
    "SeriesDescription": "Anat T2w CUBE (ABCD)",
    "SeriesNumber": 4,
    "SliceThickness": 1,
    "SoftwareVersions": "27\\LX\\MR Software release:DV26.0_R03_1831.b",
    "SpacingBetweenSlices": 1,
    "StationName": "FMRI3ta",
    "acq_id": "CUBE",
    "dataset": "ds004215",
    "modality": "T2w",
    "rec_id": "SCIC",
    "session_id": "01",
    "subject_id": "ON70467"
  },
  "cjv": 1.4340627227221983,
  "cnr": 0.7777231042759951,
  "efc": 0.4662400254105955,
  "fber": 2773.3322231956504,
  "fwhm_avg": 2.18434,
  "fwhm_x": 1.74533,
  "fwhm_y": 2.54247,
  "fwhm_z": 2.26522,
  "icvs_csf": 0.25962420980726275,
  "icvs_gm": 0.5270222425716987,
  "icvs_wm": 0.2133535476210385,
  "inu_med": 0.7252857387065887,
  "inu_range": 0.11151044368743901,
  "provenance": {
    "md5sum": "a3496df393332238a13d10f8670d3c35",
    "settings": {
      "testing": false
    },
    "software": "mriqc",
    "version": "22.0.6",
    "warnings": {
      "large_rot_frame": true,
      "small_air_mask": false
    },
    "webapi_port": null,
    "webapi_url": "https://mriqc.nimh.nih.gov/api/v1"
  },
  "qi_1": 0.0,
  "qi_2": 0.00899539439444699,
  "rpve_csf": 20.940286179489572,
  "rpve_gm": 12.916786711500768,
  "rpve_wm": 33.71310433373856,
  "size_x": 204,
  "size_y": 256,
  "size_z": 256,
  "snr_csf": 12.081401026236277,
  "snr_gm": 12.23912592867158,
  "snr_total": 8.689501228775175,
  "snr_wm": 1.7479767314176673,
  "snrd_csf": 72.06072259251205,
  "snrd_gm": 51.14846113775347,
  "snrd_total": 71.86374294513547,
  "snrd_wm": 92.3820451051409,
  "spacing_x": 1.0,
  "spacing_y": 1.0,
  "spacing_z": 1.0,
  "summary_bg_k": 4.711077282423039,
  "summary_bg_mad": 7.103140989409631,
  "summary_bg_mean": 6.7686353365885275,
  "summary_bg_median": 4.790995791554451,
  "summary_bg_n": 3111903.0,
  "summary_bg_p05": 0.0,
  "summary_bg_p95": 18.567974120378494,
  "summary_bg_stdv": 6.064842421388863,
  "summary_csf_k": 0.5751480926760566,
  "summary_csf_mad": 62.70476136584101,
  "summary_csf_mean": 784.011760500595,
  "summary_csf_median": 781.2990888208151,
  "summary_csf_n": 15879.0,
  "summary_csf_p05": 683.5971598103642,
  "summary_csf_p95": 893.600947111845,
  "summary_csf_stdv": 64.66754022073768,
  "summary_gm_k": 0.09528250519755677,
  "summary_gm_mad": 45.67761478357198,
  "summary_gm_mean": 554.7517514036846,
  "summary_gm_median": 554.5634937286377,
  "summary_gm_n": 198467.0,
  "summary_gm_p05": 480.8188360184431,
  "summary_gm_p95": 628.3081514388323,
  "summary_gm_stdv": 45.31059651164389,
  "summary_wm_k": -1.762782331191257,
  "summary_wm_mad": 595.4403355715633,
  "summary_wm_mean": 789.8915724767681,
  "summary_wm_median": 1001.6275866702199,
  "summary_wm_n": 61400.0,
  "summary_wm_p05": 35.02584698423744,
  "summary_wm_p95": 1410.730488076806,
  "summary_wm_stdv": 573.0164550006472,
  "tpm_overlap_csf": 0.09858385797996175,
  "tpm_overlap_gm": 0.33033516228736676,
  "tpm_overlap_wm": 0.04836080731974754,
  "wm2max": 0.7064477534720538
}