{
  "bids_meta": {
    "AcquisitionMatrixPE": 256,
    "AcquisitionNumber": 1,
    "AcquisitionTime": "10:46:15.000000",
    "BodyPartExamined": "BRAIN",
    "CoilString": "32Ch Head",
    "ConversionSoftware": "dcm2niix",
    "ConversionSoftwareVersion": "v1.0.20211006",
    "Dcm2bidsVersion": "2.1.6",
    "DeviceSerialNumber": "000301496mr3T5mr",
    "EchoTime": 0.00292,
    "FlipAngle": 8,
    "ImageOrientationPatientDICOM": [
      0,
      1,
      0,
      0,
      0,
      -1
    ],
    "ImageType": [
      "ORIGINAL",
      "PRIMARY",
      "OTHER"
    ],
    "ImagingFrequency": 127.824,
    "InPlanePhaseEncodingDirectionDICOM": "ROW",
    "InstitutionName": "NIH FMRIF",
    "InversionTime": 1.06,
    "MRAcquisitionType": "3D",
    "MagneticFieldStrength": 3,
    "Manufacturer": "GE",
    "ManufacturersModelName": "DISCOVERY MR750",
    "Modality": "MR",
    "ParallelReductionFactorInPlane": 2,
    "ParallelReductionOutOfPlane": 2,
    "PatientPosition": "HFS",
    "PercentPhaseFOV": 100,
    "PercentSampling": 100,
    "PixelBandwidth": 244.141,
    "ProcedureStepDescription": "MRI Brain",
    "ProtocolName": "ADNI3 FMRIF Enhanced Pro",
    "ReconMatrixPE": 256,
    "RepetitionTime": 0.006952,
    "SAR": 0.126516,
    "ScanOptions": "EDR_GEMS\\PROMO_GEMS\\FILTERED_GEMS\\ACC_GEMS\\IR_GEMS",
    "ScanningSequence": "RM",
    "SequenceVariant": "NONE",
    "SeriesDescription": "Anat T1w MP-RAGE 1mm (ABCD)",
    "SeriesNumber": 3,
    "SliceThickness": 1,
    "SoftwareVersions": "27\\LX\\MR Software release:DV26.0_R03_1831.b",
    "SpacingBetweenSlices": 1,
    "StationName": "FMRI3ta",
    "acq_id": "MPRAGE",
    "dataset": "ds004215",
    "modality": "T1w",
    "rec_id": "SCIC",
    "session_id": "01",
    "subject_id": "ON70467"
  },
  "cjv": 0.361551457176428,
  "cnr": 3.72178337963339,
  "efc": 0.6932103497760198,
  "fber": 16555.11111111111,
  "fwhm_avg": 3.3730266666666666,
  "fwhm_x": 3.26794,
  "fwhm_y": 3.6196,
  "fwhm_z": 3.23154,
  "icvs_csf": 0.22084540704095368,
  "icvs_gm": 0.441785435349195,
  "icvs_wm": 0.3373691576098513,
  "inu_med": 0.48378077149391174,
  "inu_range": 0.08164750188589098,
  "provenance": {
    "md5sum": "884df5e8e5be0a9f6b0f5f9ee2788dd3",
    "settings": {
      "testing": false
    },
    "software": "mriqc",
    "version": "22.0.6",
    "warnings": {
      "large_rot_frame": true,
      "small_air_mask": false
    },
    "webapi_port": null,
    "webapi_url": "https://mriqc.nimh.nih.gov/api/v1"
  },
  "qi_1": 0.0,
  "qi_2": 0.0033892492866413647,
  "rpve_csf": 27.526567986734296,
  "rpve_gm": 14.494706134816886,
  "rpve_wm": 21.888486415723573,
  "size_x": 208,
  "size_y": 256,
  "size_z": 256,
  "snr_csf": 1.8101326307987837,
  "snr_gm": 8.141075597218244,
  "snr_total": 9.87881449345381,
  "snr_wm": 19.685235252344402,
  "snrd_csf": 18.21207706497215,
  "snrd_gm": 70.36237871708128,
  "snrd_total": 65.75197794376146,
  "snrd_wm": 108.68147804923093,
  "spacing_x": 1.0,
  "spacing_y": 1.0,
  "spacing_z": 1.0,
  "summary_bg_k": 8.574972386351499,
  "summary_bg_mad": 6.028041125456142,
  "summary_bg_mean": 5.247210132756206,
  "summary_bg_median": 4.065851952880621,
  "summary_bg_n": 828345.0,
  "summary_bg_p05": 0.0,
  "summary_bg_p95": 23.472188267856836,
  "summary_bg_stdv": 8.368081277586537,
  "summary_csf_k": 3.099547098988988,
  "summary_csf_mad": 69.74776418779317,
  "summary_csf_mean": 187.90739051884333,
  "summary_csf_median": 167.57296576350927,
  "summary_csf_n": 32444.0,
  "summary_csf_p05": 78.67298809438944,
  "summary_csf_p95": 379.93016831353293,
  "summary_csf_stdv": 92.57353875455945,
  "summary_gm_k": -0.02545657016123304,
  "summary_gm_mad": 79.17813527362947,
  "summary_gm_mean": 647.7691396740706,
  "summary_gm_median": 647.4183278344572,
  "summary_gm_n": 38238.0,
  "summary_gm_p05": 515.7894888445735,
  "summary_gm_p95": 778.926189020835,
  "summary_gm_stdv": 79.52387303217763,
  "summary_wm_k": 0.44696724008687694,
  "summary_wm_mad": 48.298292698440015,
  "summary_wm_mean": 999.5635314187354,
  "summary_wm_median": 1000.0000293925405,
  "summary_wm_n": 192659.0,
  "summary_wm_p05": 915.4402863234282,
  "summary_wm_p95": 1082.065384760499,
  "summary_wm_stdv": 50.79936415852695,
  "tpm_overlap_csf": 0.15269158806446562,
  "tpm_overlap_gm": 0.4681977079220729,
  "tpm_overlap_wm": 0.5073145910473258,
  "wm2max": 0.6670993077742279
}