{
  "bids_meta": {
    "AcquisitionMatrixPE": 256,
    "AcquisitionNumber": 1,
    "AcquisitionTime": "10:52:46.000000",
    "BodyPartExamined": "BRAIN",
    "CoilString": "32Ch Head",
    "ConversionSoftware": "dcm2niix",
    "ConversionSoftwareVersion": "v1.0.20211006",
    "Dcm2bidsVersion": "2.1.6",
    "DeviceSerialNumber": "000301496mr3T5mr",
    "EchoTime": 0.058743,
    "EchoTrainLength": 140,
    "FlipAngle": 90,
    "ImageOrientationPatientDICOM": [
      0,
      1,
      0,
      0,
      0,
      -1
    ],
    "ImageType": [
      "ORIGINAL",
      "PRIMARY",
      "OTHER"
    ],
    "ImagingFrequency": 127.824,
    "InPlanePhaseEncodingDirectionDICOM": "ROW",
    "InstitutionName": "NIH FMRIF",
    "MRAcquisitionType": "3D",
    "MagneticFieldStrength": 3,
    "Manufacturer": "GE",
    "ManufacturersModelName": "DISCOVERY MR750",
    "Modality": "MR",
    "ParallelReductionFactorInPlane": 2,
    "ParallelReductionOutOfPlane": 1.5,
    "PatientPosition": "HFS",
    "PercentPhaseFOV": 100,
    "PercentSampling": 100,
    "PhaseEncodingAxis": "i",
    "PixelBandwidth": 244.141,
    "ProcedureStepDescription": "MRI Brain",
    "ProtocolName": "ADNI3 FMRIF Enhanced Pro",
    "ReconMatrixPE": 256,
    "RepetitionTime": 3.202,
    "SAR": 0.3872,
    "ScanOptions": "SAT_GEMS\\EDR_GEMS\\PROMO_GEMS\\ACC_GEMS\\FS\\FR_GEMS",
    "ScanningSequence": "RM",
    "SequenceVariant": "NONE",
    "SeriesDescription": "ORIG Anat T2w CUBE (ABCD)",
    "SeriesNumber": 40004,
    "SliceThickness": 1,
    "SoftwareVersions": "27\\LX\\MR Software release:DV26.0_R03_1831.b",
    "SpacingBetweenSlices": 1,
    "StationName": "FMRI3ta",
    "acq_id": "CUBE",
    "dataset": "ds004215",
    "modality": "T2w",
    "session_id": "01",
    "subject_id": "ON70467"
  },
  "cjv": 3.0242398437485773,
  "cnr": 0.5229852250539129,
  "efc": 0.4153455457485856,
  "fber": 8248.913494809689,
  "fwhm_avg": 2.46255,
  "fwhm_x": 2.00851,
  "fwhm_y": 2.76899,
  "fwhm_z": 2.61015,
  "icvs_csf": 0.24731346627295245,
  "icvs_gm": 0.5585905676636409,
  "icvs_wm": 0.19409596606340662,
  "inu_med": 0.8812160491943359,
  "inu_range": 0.6092018485069277,
  "provenance": {
    "md5sum": "48020c80ece9cd64216551a1ed5af976",
    "settings": {
      "testing": false
    },
    "software": "mriqc",
    "version": "22.0.6",
    "warnings": {
      "large_rot_frame": true,
      "small_air_mask": false
    },
    "webapi_port": null,
    "webapi_url": "https://mriqc.nimh.nih.gov/api/v1"
  },
  "qi_1": 0.0012926160684467755,
  "qi_2": 0.017611806081914275,
  "rpve_csf": 21.569473305073007,
  "rpve_gm": 12.38657326962401,
  "rpve_wm": 36.28813061304444,
  "size_x": 204,
  "size_y": 256,
  "size_z": 256,
  "snr_csf": 10.509322008199568,
  "snr_gm": 11.478266016243053,
  "snr_total": 7.803858506966036,
  "snr_wm": 1.4239874964554873,
  "snrd_csf": 63.41040336975793,
  "snrd_gm": 44.01862924726306,
  "snrd_total": 59.04180367576212,
  "snrd_wm": 69.69637841026537,
  "spacing_x": 1.0,
  "spacing_y": 1.0,
  "spacing_z": 1.0,
  "summary_bg_k": 1.6215902704057452,
  "summary_bg_mad": 0.0,
  "summary_bg_mean": 6.3853176508753435,
  "summary_bg_median": 0.0,
  "summary_bg_n": 4434311.0,
  "summary_bg_p05": 0.0,
  "summary_bg_p95": 25.811249345541,
  "summary_bg_stdv": 9.425033605598786,
  "summary_csf_k": 0.681462428760065,
  "summary_csf_mad": 80.34035626057668,
  "summary_csf_mean": 917.5777321026279,
  "summary_csf_median": 912.2454235553741,
  "summary_csf_n": 15508.0,
  "summary_csf_p05": 785.7926169633865,
  "summary_csf_p95": 1069.5285401545464,
  "summary_csf_stdv": 86.80065281834487,
  "summary_gm_k": -0.011116713209610829,
  "summary_gm_mad": 56.51946819978799,
  "summary_gm_mean": 634.244109266045,
  "summary_gm_median": 633.2682170122862,
  "summary_gm_n": 231283.0,
  "summary_gm_p05": 545.5322844386101,
  "summary_gm_p95": 724.4630057662725,
  "summary_gm_stdv": 55.17095065417103,
  "summary_wm_k": -1.5886859650746292,
  "summary_wm_mad": 1060.663639567826,
  "summary_wm_mean": 885.1314069182577,
  "summary_wm_median": 1002.6777762696147,
  "summary_wm_n": 51390.0,
  "summary_wm_p05": 34.105065777897835,
  "summary_wm_p95": 1936.347652541846,
  "summary_wm_stdv": 704.1269836603939,
  "tpm_overlap_csf": 0.10463921757129524,
  "tpm_overlap_gm": 0.34971999821877164,
  "tpm_overlap_wm": 0.04268664109788155,
  "wm2max": 0.5187479236349181
}