{
  "aor": 0.037302222222222216,
  "aqi": 0.0012988184444444445,
  "bids_meta": {
    "AcquisitionMatrixPE": 64,
    "AcquisitionNumber": 1,
    "AcquisitionTime": "16:07:4.000000",
    "BodyPartExamined": "BRAIN",
    "CoilString": "32Ch Head",
    "ConversionSoftware": "dcm2niix",
    "ConversionSoftwareVersion": "v1.0.20211006",
    "Dcm2bidsVersion": "2.1.6",
    "DeviceSerialNumber": "000301496MR3T6MR",
    "EchoTime": 0.0169,
    "EffectiveEchoSpacing": 0.000416,
    "FlipAngle": 90,
    "ImageOrientationPatientDICOM": [
      1,
      0,
      0,
      0,
      1,
      0
    ],
    "ImageType": [
      "ORIGINAL",
      "PRIMARY",
      "OTHER"
    ],
    "ImagingFrequency": 127.697,
    "InPlanePhaseEncodingDirectionDICOM": "COL",
    "InstitutionName": "NIH FMRIF",
    "InternalPulseSequenceName": "EPI",
    "MRAcquisitionType": "2D",
    "MagneticFieldStrength": 3,
    "Manufacturer": "GE",
    "ManufacturersModelName": "DISCOVERY MR750",
    "Modality": "MR",
    "PatientPosition": "HFS",
    "PercentPhaseFOV": 100,
    "PercentSampling": 100,
    "PhaseEncodingDirection": "j-",
    "PhaseEncodingPolarityGE": "Unflipped",
    "PixelBandwidth": 7812.5,
    "ProcedureStepDescription": "MRI Brain",
    "ProtocolName": "ADNI3 FMRIF Enhanced Pro",
    "PulseSequenceName": "epi",
    "ReconMatrixPE": 64,
    "RepetitionTime": 3,
    "SAR": 0.162558,
    "ScanOptions": "MP_GEMS\\EPI_GEMS\\PFF",
    "ScanningSequence": "EP\\GR",
    "SequenceVariant": "SS",
    "SeriesDescription": "Axial rsfMRI reverse blip - RKV",
    "SeriesNumber": 11,
    "SliceThickness": 3.4,
    "SliceTiming": [
      0,
      1.5,
      0.0625,
      1.5625,
      0.125,
      1.625,
      0.1875,
      1.6875,
      0.25,
      1.75,
      0.3125,
      1.8125,
      0.375,
      1.875,
      0.4375,
      1.9375,
      0.5,
      2,
      0.5625,
      2.0625,
      0.625,
      2.125,
      0.6875,
      2.1875,
      0.75,
      2.25,
      0.8125,
      2.3125,
      0.875,
      2.375,
      0.9375,
      2.4375,
      1,
      2.5,
      1.0625,
      2.5625,
      1.125,
      2.625,
      1.1875,
      2.6875,
      1.25,
      2.75,
      1.3125,
      2.8125,
      1.375,
      2.875,
      1.4375,
      2.9375
    ],
    "SoftwareVersions": "27\\LX\\MR Software release:DV26.0_R03_1831.b",
    "SpacingBetweenSlices": 3.4,
    "StationName": "FMRI3tb",
    "TaskName": "Resting state with reverse blip.",
    "TotalReadoutTime": 0.026208,
    "TriggerDelayTime": 29938,
    "dataset": "ds004215",
    "modality": "bold",
    "session_id": "01",
    "subject_id": "ON09474",
    "task_id": "rest"
  },
  "dummy_trs": 1,
  "dvars_nstd": 16.2368170025,
  "dvars_std": 1.440119385,
  "dvars_vstd": 1.37895827125,
  "efc": 0.43463963618660323,
  "fber": 5960.7314453125,
  "fd_mean": 0.118722942272054,
  "fd_num": 0,
  "fd_perc": 0.0,
  "fwhm_avg": 2.6482226978302132,
  "fwhm_x": 2.6129367272727273,
  "fwhm_y": 2.537309090909091,
  "fwhm_z": 2.794422275308822,
  "gcor": 0.0251547,
  "gsr_x": -0.008739260956645012,
  "gsr_y": 0.03471866622567177,
  "provenance": {
    "md5sum": "852c853a648035bfedd770d136269dc9",
    "settings": {
      "fd_thres": 0.2,
      "testing": false
    },
    "software": "mriqc",
    "version": "22.0.6",
    "webapi_port": null,
    "webapi_url": "https://mriqc.nimh.nih.gov/api/v1"
  },
  "size_t": 9,
  "size_x": 64,
  "size_y": 64,
  "size_z": 48,
  "snr": 4.581946196633043,
  "spacing_tr": 3.0,
  "spacing_x": 3.4375,
  "spacing_y": 3.4375,
  "spacing_z": 3.4000015258789062,
  "summary_bg_k": 21.951832704683564,
  "summary_bg_mad": 7.083545189677571,
  "summary_bg_mean": 108.38530731201172,
  "summary_bg_median": 31.22222328186035,
  "summary_bg_n": 138026.0,
  "summary_bg_p05": 23.88888931274414,
  "summary_bg_p95": 553.0,
  "summary_bg_stdv": 217.3126220703125,
  "summary_fg_k": 0.6517573330834359,
  "summary_fg_mad": 470.14959662795064,
  "summary_fg_mean": 2496.1376953125,
  "summary_fg_median": 2438.22216796875,
  "summary_fg_n": 23279.0,
  "summary_fg_p05": 1677.111083984375,
  "summary_fg_p95": 3473.6778564453125,
  "summary_fg_stdv": 532.1253662109375,
  "tsnr": 144.21411061286926
}