{
  "aor": 0.0017083756345177665,
  "aqi": 0.0038791219289340093,
  "bids_meta": {
    "AcquisitionMatrixPE": 64,
    "AcquisitionNumber": 1,
    "AcquisitionTime": "15:55:54.000000",
    "BodyPartExamined": "BRAIN",
    "CoilString": "32Ch Head",
    "ConversionSoftware": "dcm2niix",
    "ConversionSoftwareVersion": "v1.0.20211006",
    "Dcm2bidsVersion": "2.1.6",
    "DeviceSerialNumber": "000301496MR3T6MR",
    "EchoTime": 0.0169,
    "EffectiveEchoSpacing": 0.000416,
    "FlipAngle": 90,
    "ImageOrientationPatientDICOM": [
      1,
      0,
      0,
      0,
      1,
      0
    ],
    "ImageType": [
      "ORIGINAL",
      "PRIMARY",
      "OTHER"
    ],
    "ImagingFrequency": 127.697,
    "InPlanePhaseEncodingDirectionDICOM": "COL",
    "InstitutionName": "NIH FMRIF",
    "InternalPulseSequenceName": "EPI",
    "MRAcquisitionType": "2D",
    "MagneticFieldStrength": 3,
    "Manufacturer": "GE",
    "ManufacturersModelName": "DISCOVERY MR750",
    "Modality": "MR",
    "PatientPosition": "HFS",
    "PercentPhaseFOV": 100,
    "PercentSampling": 100,
    "PhaseEncodingDirection": "j",
    "PhaseEncodingPolarityGE": "Flipped",
    "PixelBandwidth": 7812.5,
    "ProcedureStepDescription": "MRI Brain",
    "ProtocolName": "ADNI3 FMRIF Enhanced Pro",
    "PulseSequenceName": "epi",
    "ReconMatrixPE": 64,
    "RepetitionTime": 3,
    "SAR": 0.162558,
    "ScanOptions": "MP_GEMS\\EPI_GEMS\\PFF",
    "ScanningSequence": "EP\\GR",
    "SequenceVariant": "SS",
    "SeriesDescription": "Axial rsfMRI with Eyes Open - RKV",
    "SeriesNumber": 10,
    "SliceThickness": 3.4,
    "SliceTiming": [
      0,
      1.5,
      0.0625,
      1.5625,
      0.125,
      1.625,
      0.1875,
      1.6875,
      0.25,
      1.75,
      0.3125,
      1.8125,
      0.375,
      1.875,
      0.4375,
      1.9375,
      0.5,
      2,
      0.5625,
      2.0625,
      0.625,
      2.125,
      0.6875,
      2.1875,
      0.75,
      2.25,
      0.8125,
      2.3125,
      0.875,
      2.375,
      0.9375,
      2.4375,
      1,
      2.5,
      1.0625,
      2.5625,
      1.125,
      2.625,
      1.1875,
      2.6875,
      1.25,
      2.75,
      1.3125,
      2.8125,
      1.375,
      2.875,
      1.4375,
      2.9375
    ],
    "SoftwareVersions": "27\\LX\\MR Software release:DV26.0_R03_1831.b",
    "SpacingBetweenSlices": 3.4,
    "StationName": "FMRI3tb",
    "TaskName": "Resting state with eyes open.",
    "TotalReadoutTime": 0.026208,
    "TriggerDelayTime": 599938,
    "dataset": "ds004215",
    "modality": "bold",
    "session_id": "01",
    "subject_id": "ON09474",
    "task_id": "rest"
  },
  "dummy_trs": 3,
  "dvars_nstd": 16.088244267908163,
  "dvars_std": 1.14954776510204,
  "dvars_vstd": 0.9545778029081637,
  "efc": 0.4350619523577507,
  "fber": 5726.38037109375,
  "fd_mean": 0.2420060661756133,
  "fd_num": 102,
  "fd_perc": 51.776649746192895,
  "fwhm_avg": 2.7697778822374244,
  "fwhm_x": 2.6297367272727277,
  "fwhm_y": 2.628421818181818,
  "fwhm_z": 3.0511751012577277,
  "gcor": 0.0243014,
  "gsr_x": -0.0072334278374910355,
  "gsr_y": 0.0448625311255455,
  "provenance": {
    "md5sum": "5f2ee4cb42199e0501cf3cf728e5656a",
    "settings": {
      "fd_thres": 0.2,
      "testing": false
    },
    "software": "mriqc",
    "version": "22.0.6",
    "webapi_port": null,
    "webapi_url": "https://mriqc.nimh.nih.gov/api/v1"
  },
  "size_t": 197,
  "size_x": 64,
  "size_y": 64,
  "size_z": 48,
  "snr": 4.227529483018335,
  "spacing_tr": 3.0,
  "spacing_x": 3.4375,
  "spacing_y": 3.4375,
  "spacing_z": 3.4000015258789062,
  "summary_bg_k": 37.45591715650757,
  "summary_bg_mad": 7.977453475375138,
  "summary_bg_mean": 110.84716796875,
  "summary_bg_median": 31.568527221679688,
  "summary_bg_n": 138091.0,
  "summary_bg_p05": 22.395938873291016,
  "summary_bg_p95": 548.6370544433594,
  "summary_bg_stdv": 230.58981323242188,
  "summary_fg_k": 2.031104089018993,
  "summary_fg_mad": 460.3219274788672,
  "summary_fg_mean": 2467.5537109375,
  "summary_fg_median": 2389.954345703125,
  "summary_fg_n": 23569.0,
  "summary_fg_p05": 1674.92890625,
  "summary_fg_p95": 3496.71669921875,
  "summary_fg_stdv": 565.3192138671875,
  "tsnr": 88.65255429409444
}