{
  "aor": 0.030878888888888886,
  "aqi": 0.000996535888888889,
  "bids_meta": {
    "AcquisitionMatrixPE": 64,
    "AcquisitionNumber": 1,
    "AcquisitionTime": "15:13:22.000000",
    "BodyPartExamined": "HEAD",
    "CoilString": "32Ch Head",
    "ConversionSoftware": "dcm2niix",
    "ConversionSoftwareVersion": "v1.0.20211006",
    "Dcm2bidsVersion": "2.1.6",
    "DeviceSerialNumber": "000301496MR3T6MR",
    "EchoTime": 0.0169,
    "EffectiveEchoSpacing": 0.000208635,
    "FlipAngle": 90,
    "ImageOrientationPatientDICOM": [
      1,
      0,
      0,
      0,
      1,
      0
    ],
    "ImageType": [
      "ORIGINAL",
      "PRIMARY",
      "EPI",
      "NONE"
    ],
    "ImagingFrequency": 127.697,
    "InPlanePhaseEncodingDirectionDICOM": "COL",
    "InstitutionName": "NIH FMRIF",
    "InternalPulseSequenceName": "EPI",
    "MRAcquisitionType": "2D",
    "MagneticFieldStrength": 3,
    "Manufacturer": "GE",
    "ManufacturersModelName": "DISCOVERY MR750",
    "Modality": "MR",
    "ParallelReductionFactorInPlane": 2,
    "PatientPosition": "HFS",
    "PercentPhaseFOV": 100,
    "PercentSampling": 100,
    "PhaseEncodingDirection": "j",
    "PhaseEncodingPolarityGE": "Flipped",
    "PixelBandwidth": 7812.5,
    "ProcedureStepDescription": "MRI BRAIN",
    "ProtocolName": "ADNI3 FMRIF Enhanced Pro",
    "PulseSequenceName": "epiRT",
    "ReconMatrixPE": 64,
    "RepetitionTime": 3,
    "SAR": 0.157897,
    "ScanOptions": "EPI_GEMS\\ACC_GEMS",
    "ScanningSequence": "EP\\GR",
    "SequenceVariant": "SS",
    "SeriesDescription": "Axial rsfMRI reverse blip - RKV",
    "SeriesNumber": 12,
    "SliceThickness": 3.4,
    "SliceTiming": [
      0,
      1.5,
      0.0625,
      1.5625,
      0.125,
      1.625,
      0.1875,
      1.6875,
      0.25,
      1.75,
      0.3125,
      1.8125,
      0.375,
      1.875,
      0.4375,
      1.9375,
      0.5,
      2,
      0.5625,
      2.0625,
      0.625,
      2.125,
      0.6875,
      2.1875,
      0.75,
      2.25,
      0.8125,
      2.3125,
      0.875,
      2.375,
      0.9375,
      2.4375,
      1,
      2.5,
      1.0625,
      2.5625,
      1.125,
      2.625,
      1.1875,
      2.6875,
      1.25,
      2.75,
      1.3125,
      2.8125,
      1.375,
      2.875,
      1.4375,
      2.9375
    ],
    "SoftwareVersions": "27\\LX\\MR Software release:DV26.0_R01_1725.a",
    "SpacingBetweenSlices": 3.4,
    "StationName": "fmrif3tb",
    "TaskName": "Resting state with reverse blip.",
    "TotalReadoutTime": 0.013144,
    "dataset": "ds004215",
    "modality": "bold",
    "session_id": "01",
    "subject_id": "ON73969",
    "task_id": "rest"
  },
  "dummy_trs": 1,
  "dvars_nstd": 11.397277354999998,
  "dvars_std": 1.2199719762499999,
  "dvars_vstd": 1.254688695,
  "efc": 0.44929674928622826,
  "fber": 45205.3046875,
  "fd_mean": 0.06902643571891068,
  "fd_num": 0,
  "fd_perc": 0.0,
  "fwhm_avg": 2.9158111491515357,
  "fwhm_x": 2.7511563636363636,
  "fwhm_y": 2.834749090909091,
  "fwhm_z": 3.161527992909154,
  "gcor": 0.0721743,
  "gsr_x": 0.0202510803937912,
  "gsr_y": 0.020214486867189407,
  "provenance": {
    "md5sum": "238e7d310ae523aa9678c53cd0ea1e95",
    "settings": {
      "fd_thres": 0.2,
      "testing": false
    },
    "software": "mriqc",
    "version": "22.0.6",
    "webapi_port": null,
    "webapi_url": "https://mriqc.nimh.nih.gov/api/v1"
  },
  "size_t": 9,
  "size_x": 64,
  "size_y": 64,
  "size_z": 48,
  "snr": 4.250804853351422,
  "spacing_tr": 3.0,
  "spacing_x": 3.4375,
  "spacing_y": 3.4375,
  "spacing_z": 3.4000015258789062,
  "summary_bg_k": 12.346014125768948,
  "summary_bg_mad": 19.27382914986775,
  "summary_bg_mean": 151.16322326660156,
  "summary_bg_median": 13.44444465637207,
  "summary_bg_n": 136126.0,
  "summary_bg_p05": 0.1111111119389534,
  "summary_bg_p95": 952.3889007568359,
  "summary_bg_stdv": 353.5114440917969,
  "summary_fg_k": 0.35362448119276113,
  "summary_fg_mad": 530.1948054957114,
  "summary_fg_mean": 2602.65185546875,
  "summary_fg_median": 2504.72216796875,
  "summary_fg_n": 25400.0,
  "summary_fg_p05": 1771.5499877929688,
  "summary_fg_p95": 3756.0055541992188,
  "summary_fg_stdv": 589.2232055664062,
  "tsnr": 173.01745261996984
}