{
  "bids_meta": {
    "AcquisitionMatrixPE": 256,
    "AcquisitionNumber": 1,
    "AcquisitionTime": "16:25:8.000000",
    "BodyPartExamined": "BRAIN",
    "CoilString": "32Ch Head",
    "ConversionSoftware": "dcm2niix",
    "ConversionSoftwareVersion": "v1.0.20211006",
    "Dcm2bidsVersion": "2.1.6",
    "DeviceSerialNumber": "000301496MR3T6MR",
    "EchoTime": 0.066293,
    "EchoTrainLength": 140,
    "FlipAngle": 90,
    "ImageOrientationPatientDICOM": [
      0,
      1,
      0,
      0,
      0,
      -1
    ],
    "ImageType": [
      "ORIGINAL",
      "PRIMARY",
      "OTHER"
    ],
    "ImagingFrequency": 127.697,
    "InPlanePhaseEncodingDirectionDICOM": "ROW",
    "InstitutionName": "NIH FMRIF",
    "MRAcquisitionType": "3D",
    "MagneticFieldStrength": 3,
    "Manufacturer": "GE",
    "ManufacturersModelName": "DISCOVERY MR750",
    "Modality": "MR",
    "ParallelReductionFactorInPlane": 2,
    "ParallelReductionOutOfPlane": 1.5,
    "PatientPosition": "HFS",
    "PercentPhaseFOV": 100,
    "PercentSampling": 100,
    "PhaseEncodingAxis": "i",
    "PixelBandwidth": 244.141,
    "ProcedureStepDescription": "MRI Brain",
    "ProtocolName": "ADNI3 FMRIF Enhanced Pro",
    "ReconMatrixPE": 256,
    "RepetitionTime": 3.202,
    "SAR": 0.4392,
    "ScanOptions": "SAT_GEMS\\EDR_GEMS\\PROMO_GEMS\\ACC_GEMS\\FS\\FR_GEMS",
    "ScanningSequence": "RM",
    "SequenceVariant": "NONE",
    "SeriesDescription": "ORIG Anat T2w CUBE (ABCD)",
    "SeriesNumber": 40004,
    "SliceThickness": 1,
    "SoftwareVersions": "27\\LX\\MR Software release:DV26.0_R03_1831.b",
    "SpacingBetweenSlices": 1,
    "StationName": "FMRI3tb",
    "acq_id": "CUBE",
    "dataset": "ds004215",
    "modality": "T2w",
    "session_id": "01",
    "subject_id": "ON23776"
  },
  "cjv": 0.8597762042515709,
  "cnr": 1.1729910701013762,
  "efc": 0.3677382121631524,
  "fber": -1.0,
  "fwhm_avg": 2.3052266666666665,
  "fwhm_x": 1.95288,
  "fwhm_y": 2.55047,
  "fwhm_z": 2.41233,
  "icvs_csf": 0.24312184417679492,
  "icvs_gm": 0.5284661479409337,
  "icvs_wm": 0.22841200788227137,
  "inu_med": 0.9034065008163452,
  "inu_range": 0.42374251782894135,
  "provenance": {
    "md5sum": "fb00a6feebe46b618e8a6d9f2787ac7c",
    "settings": {
      "testing": false
    },
    "software": "mriqc",
    "version": "22.0.6",
    "warnings": {
      "large_rot_frame": true,
      "small_air_mask": false
    },
    "webapi_port": null,
    "webapi_url": "https://mriqc.nimh.nih.gov/api/v1"
  },
  "qi_1": 3.88931834971608e-05,
  "qi_2": 0.011369923780910682,
  "rpve_csf": 24.776364628616925,
  "rpve_gm": 14.699957746619452,
  "rpve_wm": 33.872732906476756,
  "size_x": 204,
  "size_y": 256,
  "size_z": 256,
  "snr_csf": 11.17302159895002,
  "snr_gm": 10.834768710579132,
  "snr_total": 7.998915640938285,
  "snr_wm": 1.988956613285702,
  "snrd_csf": 68.26371736971258,
  "snrd_gm": 48.109979347255894,
  "snrd_total": 78.04289453422813,
  "snrd_wm": 117.75498688571588,
  "spacing_x": 1.0,
  "spacing_y": 1.0,
  "spacing_z": 1.0,
  "summary_bg_k": 120.91446604671934,
  "summary_bg_mad": 0.0,
  "summary_bg_mean": 3.468439474457232,
  "summary_bg_median": 0.0,
  "summary_bg_n": 4301986.0,
  "summary_bg_p05": 0.0,
  "summary_bg_p95": 13.047106124460697,
  "summary_bg_stdv": 5.564540184278079,
  "summary_csf_k": 0.7325847021468426,
  "summary_csf_mad": 48.62158532036605,
  "summary_csf_mean": 581.4819765908825,
  "summary_csf_median": 579.8123847674578,
  "summary_csf_n": 11601.0,
  "summary_csf_p05": 500.8976207859814,
  "summary_csf_p95": 670.434145135805,
  "summary_csf_stdv": 51.891727706366105,
  "summary_gm_k": -0.02575157548055662,
  "summary_gm_mad": 38.05004556682463,
  "summary_gm_mean": 409.5650523364499,
  "summary_gm_median": 408.6323296073824,
  "summary_gm_n": 200029.0,
  "summary_gm_p05": 348.98480373993516,
  "summary_gm_p95": 472.6036057602614,
  "summary_gm_stdv": 37.71481598627939,
  "summary_wm_k": -1.3442933290651558,
  "summary_wm_mad": 470.5459822214608,
  "summary_wm_mean": 805.6621592111434,
  "summary_wm_median": 1000.1769958510995,
  "summary_wm_n": 67891.0,
  "summary_wm_p05": 31.530506467446685,
  "summary_wm_p95": 1456.1430127937347,
  "summary_wm_stdv": 502.86146167952876,
  "tpm_overlap_csf": 0.09913243999251664,
  "tpm_overlap_gm": 0.3340303872158034,
  "tpm_overlap_wm": 0.043790084433517,
  "wm2max": 0.6867599569429494
}