{
  "bids_meta": {
    "AcquisitionMatrixPE": 256,
    "AcquisitionNumber": 1,
    "AcquisitionTime": "16:18:32.000000",
    "BodyPartExamined": "BRAIN",
    "CoilString": "32Ch Head",
    "ConversionSoftware": "dcm2niix",
    "ConversionSoftwareVersion": "v1.0.20211006",
    "Dcm2bidsVersion": "2.1.6",
    "DeviceSerialNumber": "000301496MR3T6MR",
    "EchoTime": 0.00292,
    "FlipAngle": 8,
    "ImageOrientationPatientDICOM": [
      0,
      1,
      0,
      0,
      0,
      -1
    ],
    "ImageType": [
      "ORIGINAL",
      "PRIMARY",
      "OTHER"
    ],
    "ImagingFrequency": 127.697,
    "InPlanePhaseEncodingDirectionDICOM": "ROW",
    "InstitutionName": "NIH FMRIF",
    "InversionTime": 1.06,
    "MRAcquisitionType": "3D",
    "MagneticFieldStrength": 3,
    "Manufacturer": "GE",
    "ManufacturersModelName": "DISCOVERY MR750",
    "Modality": "MR",
    "ParallelReductionFactorInPlane": 2,
    "ParallelReductionOutOfPlane": 2,
    "PatientPosition": "HFS",
    "PercentPhaseFOV": 100,
    "PercentSampling": 100,
    "PixelBandwidth": 244.141,
    "ProcedureStepDescription": "MRI Brain",
    "ProtocolName": "ADNI3 FMRIF Enhanced Pro",
    "ReconMatrixPE": 256,
    "RepetitionTime": 0.006952,
    "SAR": 0.112755,
    "ScanOptions": "EDR_GEMS\\PROMO_GEMS\\FILTERED_GEMS\\ACC_GEMS\\IR_GEMS",
    "ScanningSequence": "RM",
    "SequenceVariant": "NONE",
    "SeriesDescription": "Anat T1w MP-RAGE 1mm (ABCD)",
    "SeriesNumber": 3,
    "SliceThickness": 1,
    "SoftwareVersions": "27\\LX\\MR Software release:DV26.0_R03_1831.b",
    "SpacingBetweenSlices": 1,
    "StationName": "FMRI3tb",
    "acq_id": "MPRAGE",
    "dataset": "ds004215",
    "modality": "T1w",
    "rec_id": "SCIC",
    "session_id": "01",
    "subject_id": "ON23776"
  },
  "cjv": 0.3585864437763723,
  "cnr": 3.772890281991453,
  "efc": 0.6556369095715149,
  "fber": 12919.714371864808,
  "fwhm_avg": 3.5240766666666663,
  "fwhm_x": 3.4615,
  "fwhm_y": 3.73798,
  "fwhm_z": 3.37275,
  "icvs_csf": 0.24964105790908742,
  "icvs_gm": 0.4144052039538572,
  "icvs_wm": 0.33595373813705537,
  "inu_med": 0.5815241932868958,
  "inu_range": 0.11590924859046936,
  "provenance": {
    "md5sum": "f2db337481f3b0c2abd03be1b855f80b",
    "settings": {
      "testing": false
    },
    "software": "mriqc",
    "version": "22.0.6",
    "warnings": {
      "large_rot_frame": true,
      "small_air_mask": false
    },
    "webapi_port": null,
    "webapi_url": "https://mriqc.nimh.nih.gov/api/v1"
  },
  "qi_1": 0.0,
  "qi_2": 0.0018176508278122919,
  "rpve_csf": 28.420876013691252,
  "rpve_gm": 16.74634938878249,
  "rpve_wm": 23.764652698199097,
  "size_x": 208,
  "size_y": 256,
  "size_z": 256,
  "snr_csf": 1.6947755799044482,
  "snr_gm": 8.678630369983635,
  "snr_total": 10.25765495304522,
  "snr_wm": 20.39955890924758,
  "snrd_csf": 14.31725336144889,
  "snrd_gm": 55.481396717456825,
  "snrd_total": 51.42787535804266,
  "snrd_wm": 84.48497599522229,
  "spacing_x": 1.0,
  "spacing_y": 1.0,
  "spacing_z": 1.0,
  "summary_bg_k": 3.3190985042584167,
  "summary_bg_mad": 7.754472203715554,
  "summary_bg_mean": 8.571937795603992,
  "summary_bg_median": 5.230312019586563,
  "summary_bg_n": 960035.0,
  "summary_bg_p05": 0.0,
  "summary_bg_p95": 35.27488845027983,
  "summary_bg_stdv": 12.282338712139259,
  "summary_csf_k": 1.4893830008871891,
  "summary_csf_mad": 77.12615677615953,
  "summary_csf_mean": 194.4179207640365,
  "summary_csf_median": 169.4650812027976,
  "summary_csf_n": 50468.0,
  "summary_csf_p05": 75.49331328952687,
  "summary_csf_p95": 401.6032677107485,
  "summary_csf_stdv": 99.99164742984067,
  "summary_gm_k": 0.025643271685739766,
  "summary_gm_mad": 76.09075849895888,
  "summary_gm_mean": 656.5653001423997,
  "summary_gm_median": 656.7013352774084,
  "summary_gm_n": 19895.0,
  "summary_gm_p05": 531.7295674594119,
  "summary_gm_p95": 780.0089129073546,
  "summary_gm_stdv": 75.66687402207242,
  "summary_wm_k": 0.4214500050973,
  "summary_wm_mad": 47.01148773502555,
  "summary_wm_mean": 1000.0260533713233,
  "summary_wm_median": 999.9999969266355,
  "summary_wm_n": 164155.0,
  "summary_wm_p05": 919.7325380351394,
  "summary_wm_p95": 1080.297173500061,
  "summary_wm_stdv": 49.02051830968491,
  "tpm_overlap_csf": 0.15227244006860707,
  "tpm_overlap_gm": 0.471783967147619,
  "tpm_overlap_wm": 0.5219212725913434,
  "wm2max": 0.5896681035993411
}