{
  "bids_meta": {
    "AcquisitionMatrixPE": 256,
    "AcquisitionNumber": 1,
    "AcquisitionTime": "14:34:28.000000",
    "BodyPartExamined": "BRAIN",
    "CoilString": "32Ch Head",
    "ConversionSoftware": "dcm2niix",
    "ConversionSoftwareVersion": "v1.0.20211006",
    "Dcm2bidsVersion": "2.1.6",
    "DeviceSerialNumber": "000301496MR3T6MR",
    "EchoTime": 0.065618,
    "EchoTrainLength": 140,
    "FlipAngle": 90,
    "ImageOrientationPatientDICOM": [
      0,
      1,
      0,
      0,
      0,
      -1
    ],
    "ImageType": [
      "ORIGINAL",
      "PRIMARY",
      "OTHER"
    ],
    "ImagingFrequency": 127.697,
    "InPlanePhaseEncodingDirectionDICOM": "ROW",
    "InstitutionName": "NIH FMRIF",
    "MRAcquisitionType": "3D",
    "MagneticFieldStrength": 3,
    "Manufacturer": "GE",
    "ManufacturersModelName": "DISCOVERY MR750",
    "Modality": "MR",
    "ParallelReductionFactorInPlane": 2,
    "ParallelReductionOutOfPlane": 1.5,
    "PatientPosition": "HFS",
    "PercentPhaseFOV": 100,
    "PercentSampling": 100,
    "PhaseEncodingAxis": "i",
    "PixelBandwidth": 244.141,
    "ProcedureStepDescription": "MRI Brain",
    "ProtocolName": "ADNI3 FMRIF Enhanced Pro",
    "ReconMatrixPE": 256,
    "RepetitionTime": 3.233,
    "SAR": 0.4461,
    "ScanOptions": "SAT_GEMS\\EDR_GEMS\\PROMO_GEMS\\ACC_GEMS\\FS\\FR_GEMS",
    "ScanningSequence": "RM",
    "SequenceVariant": "NONE",
    "SeriesDescription": "ORIG Anat T2w CUBE (ABCD)",
    "SeriesNumber": 40004,
    "SliceThickness": 1,
    "SoftwareVersions": "27\\LX\\MR Software release:DV26.0_R03_1831.b",
    "SpacingBetweenSlices": 1,
    "StationName": "FMRI3tb",
    "acq_id": "CUBE",
    "dataset": "ds004215",
    "modality": "T2w",
    "session_id": "01",
    "subject_id": "ON21959"
  },
  "cjv": 1.0657116663187232,
  "cnr": 0.49650323929210366,
  "efc": 0.3700260807354761,
  "fber": 9276.789569295812,
  "fwhm_avg": 2.43014,
  "fwhm_x": 2.0623,
  "fwhm_y": 2.65685,
  "fwhm_z": 2.57127,
  "icvs_csf": 0.18491547813554005,
  "icvs_gm": 0.6151850630020536,
  "icvs_wm": 0.1998994588624064,
  "inu_med": 0.8571279942989349,
  "inu_range": 0.5218027442693709,
  "provenance": {
    "md5sum": "af8a9b8c3d5ea62201bc4275bda7f1b9",
    "settings": {
      "testing": false
    },
    "software": "mriqc",
    "version": "22.0.6",
    "warnings": {
      "large_rot_frame": true,
      "small_air_mask": false
    },
    "webapi_port": null,
    "webapi_url": "https://mriqc.nimh.nih.gov/api/v1"
  },
  "qi_1": 1.3136717952413554e-06,
  "qi_2": 0.022289157064007126,
  "rpve_csf": 28.46707614914777,
  "rpve_gm": 12.516879379284802,
  "rpve_wm": 38.63119397239179,
  "size_x": 204,
  "size_y": 256,
  "size_z": 256,
  "snr_csf": 7.129667104656724,
  "snr_gm": 11.333230216393787,
  "snr_total": 6.270606839061986,
  "snr_wm": 0.34892319613544825,
  "snrd_csf": 94.55765586163065,
  "snrd_gm": 62.03543345522056,
  "snrd_total": 60.717968109449494,
  "snrd_wm": 25.560815011497265,
  "spacing_x": 1.0,
  "spacing_y": 1.0,
  "spacing_z": 1.0,
  "summary_bg_k": 4.422184876801928,
  "summary_bg_mad": 25.79328808771186,
  "summary_bg_mean": 21.53330337307766,
  "summary_bg_median": 17.397308439016342,
  "summary_bg_n": 5068178.0,
  "summary_bg_p05": 0.0,
  "summary_bg_p95": 71.52226802706718,
  "summary_bg_stdv": 27.340355184938105,
  "summary_csf_k": -0.30092420246396134,
  "summary_csf_mad": 508.803313825459,
  "summary_csf_mean": 3805.651231289591,
  "summary_csf_median": 3722.816895134747,
  "summary_csf_n": 3718.0,
  "summary_csf_p05": 3037.066083803028,
  "summary_csf_p95": 4669.423777644336,
  "summary_csf_stdv": 522.0883610757653,
  "summary_gm_k": 0.011007496138684125,
  "summary_gm_mad": 215.76290194006586,
  "summary_gm_mean": 2444.746887394726,
  "summary_gm_median": 2442.3888014107943,
  "summary_gm_n": 288627.0,
  "summary_gm_p05": 2095.271075889468,
  "summary_gm_p95": 2802.4854713231325,
  "summary_gm_stdv": 215.50648171138076,
  "summary_wm_k": -1.5442864890099663,
  "summary_wm_mad": 1314.6388579308377,
  "summary_wm_mean": 2872.631176821395,
  "summary_wm_median": 1006.3514488711953,
  "summary_wm_n": 47080.0,
  "summary_wm_p05": 113.63480035960674,
  "summary_wm_p95": 7468.139832139015,
  "summary_wm_stdv": 2884.132589307994,
  "tpm_overlap_csf": 0.11780592426495326,
  "tpm_overlap_gm": 0.3857958921564453,
  "tpm_overlap_wm": 0.03202760124595014,
  "wm2max": 0.1348690012311577
}