{
  "bids_meta": {
    "AcquisitionMatrixPE": 256,
    "AcquisitionNumber": 1,
    "AcquisitionTime": "14:27:53.000000",
    "BodyPartExamined": "BRAIN",
    "CoilString": "32Ch Head",
    "ConversionSoftware": "dcm2niix",
    "ConversionSoftwareVersion": "v1.0.20211006",
    "Dcm2bidsVersion": "2.1.6",
    "DeviceSerialNumber": "000301496MR3T6MR",
    "EchoTime": 0.00292,
    "FlipAngle": 8,
    "ImageOrientationPatientDICOM": [
      0,
      1,
      0,
      0,
      0,
      -1
    ],
    "ImageType": [
      "ORIGINAL",
      "PRIMARY",
      "OTHER"
    ],
    "ImagingFrequency": 127.697,
    "InPlanePhaseEncodingDirectionDICOM": "ROW",
    "InstitutionName": "NIH FMRIF",
    "InversionTime": 1.06,
    "MRAcquisitionType": "3D",
    "MagneticFieldStrength": 3,
    "Manufacturer": "GE",
    "ManufacturersModelName": "DISCOVERY MR750",
    "Modality": "MR",
    "ParallelReductionFactorInPlane": 2,
    "ParallelReductionOutOfPlane": 2,
    "PatientPosition": "HFS",
    "PercentPhaseFOV": 100,
    "PercentSampling": 100,
    "PixelBandwidth": 244.141,
    "ProcedureStepDescription": "MRI Brain",
    "ProtocolName": "ADNI3 FMRIF Enhanced Pro",
    "ReconMatrixPE": 256,
    "RepetitionTime": 0.006952,
    "SAR": 0.0941836,
    "ScanOptions": "EDR_GEMS\\PROMO_GEMS\\ACC_GEMS\\IR_GEMS",
    "ScanningSequence": "RM",
    "SequenceVariant": "NONE",
    "SeriesDescription": "ORIG Anat T1w MP-RAGE 1mm (ABCD)",
    "SeriesNumber": 40003,
    "SliceThickness": 1,
    "SoftwareVersions": "27\\LX\\MR Software release:DV26.0_R03_1831.b",
    "SpacingBetweenSlices": 1,
    "StationName": "FMRI3tb",
    "acq_id": "MPRAGE",
    "dataset": "ds004215",
    "modality": "T1w",
    "session_id": "01",
    "subject_id": "ON21959"
  },
  "cjv": 0.37120932430674175,
  "cnr": 3.566399078860584,
  "efc": 0.4031624475017539,
  "fber": 8491.733524459283,
  "fwhm_avg": 3.8124491188844636,
  "fwhm_x": 3.767597356653389,
  "fwhm_y": 3.94821,
  "fwhm_z": 3.72154,
  "icvs_csf": 0.24722266224867537,
  "icvs_gm": 0.40285260095266434,
  "icvs_wm": 0.3499247367986603,
  "inu_med": 0.8175580501556396,
  "inu_range": 0.4887010991573332,
  "provenance": {
    "md5sum": "f7fc9a4cdd9ef071f2864ad25f29e269",
    "settings": {
      "testing": false
    },
    "software": "mriqc",
    "version": "22.0.6",
    "warnings": {
      "large_rot_frame": true,
      "small_air_mask": false
    },
    "webapi_port": null,
    "webapi_url": "https://mriqc.nimh.nih.gov/api/v1"
  },
  "qi_1": 0.0,
  "qi_2": 0.0018149128504181247,
  "rpve_csf": 27.278157532426754,
  "rpve_gm": 16.222385854473178,
  "rpve_wm": 22.17826275378791,
  "size_x": 208,
  "size_y": 256,
  "size_z": 256,
  "snr_csf": 1.332100605731481,
  "snr_gm": 7.997121525462342,
  "snr_total": 9.719263952173266,
  "snr_wm": 19.82856972532598,
  "snrd_csf": 9.854257238936254,
  "snrd_gm": 40.97310699017402,
  "snrd_total": 37.79317748776075,
  "snrd_wm": 62.55216823417198,
  "spacing_x": 0.9998016357421875,
  "spacing_y": 1.0,
  "spacing_z": 1.0,
  "summary_bg_k": 2.5093658948682354,
  "summary_bg_mad": 10.473440582756504,
  "summary_bg_mean": 9.32541777597744,
  "summary_bg_median": 7.064228322356939,
  "summary_bg_n": 5073565.0,
  "summary_bg_p05": 0.0,
  "summary_bg_p95": 29.513739187270403,
  "summary_bg_stdv": 10.233844122624912,
  "summary_csf_k": 0.3118408475571992,
  "summary_csf_mad": 109.68198205377517,
  "summary_csf_mean": 186.76190062377063,
  "summary_csf_median": 157.5366254709661,
  "summary_csf_n": 45581.0,
  "summary_csf_p05": 40.91184991598129,
  "summary_csf_p95": 418.8697345741093,
  "summary_csf_stdv": 118.26051027104181,
  "summary_gm_k": 0.1259043191625704,
  "summary_gm_mad": 79.86801622310635,
  "summary_gm_mean": 653.8483742038985,
  "summary_gm_median": 655.0229868963361,
  "summary_gm_n": 22871.0,
  "summary_gm_p05": 517.1188487261534,
  "summary_gm_p95": 787.1197226420045,
  "summary_gm_stdv": 81.9055537305423,
  "summary_wm_k": 0.537660399491207,
  "summary_wm_mad": 48.19067752802073,
  "summary_wm_mean": 1000.587736561109,
  "summary_wm_median": 1000.0000264421105,
  "summary_wm_n": 184026.0,
  "summary_wm_p05": 918.9997642673552,
  "summary_wm_p95": 1083.4706015884876,
  "summary_wm_stdv": 50.43214529758668,
  "tpm_overlap_csf": 0.1421142997293872,
  "tpm_overlap_gm": 0.4683197034100662,
  "tpm_overlap_wm": 0.5213591562904242,
  "wm2max": 0.49672506221522167
}