{
  "aor": 0.003887035175879397,
  "aqi": 0.002417747432160804,
  "bids_meta": {
    "AcquisitionMatrixPE": 64,
    "AcquisitionNumber": 1,
    "AcquisitionTime": "15:44:25.000000",
    "BodyPartExamined": "BRAIN",
    "CoilString": "32Ch Head",
    "ConversionSoftware": "dcm2niix",
    "ConversionSoftwareVersion": "v1.0.20211006",
    "Dcm2bidsVersion": "2.1.6",
    "DeviceSerialNumber": "000301496MR3T6MR",
    "EchoTime": 0.0169,
    "EffectiveEchoSpacing": 0.000416,
    "FlipAngle": 90,
    "ImageOrientationPatientDICOM": [
      1,
      0,
      0,
      0,
      1,
      0
    ],
    "ImageType": [
      "ORIGINAL",
      "PRIMARY",
      "OTHER"
    ],
    "ImagingFrequency": 127.696,
    "InPlanePhaseEncodingDirectionDICOM": "COL",
    "InstitutionName": "NIH FMRIF",
    "InternalPulseSequenceName": "EPI",
    "MRAcquisitionType": "2D",
    "MagneticFieldStrength": 3,
    "Manufacturer": "GE",
    "ManufacturersModelName": "DISCOVERY MR750",
    "Modality": "MR",
    "PatientPosition": "HFS",
    "PercentPhaseFOV": 100,
    "PercentSampling": 100,
    "PhaseEncodingDirection": "j",
    "PhaseEncodingPolarityGE": "Flipped",
    "PixelBandwidth": 7812.5,
    "ProcedureStepDescription": "MRI Brain",
    "ProtocolName": "ADNI3 FMRIF Enhanced Pro",
    "PulseSequenceName": "epi",
    "ReconMatrixPE": 64,
    "RepetitionTime": 3,
    "SAR": 0.215408,
    "ScanOptions": "MP_GEMS\\EPI_GEMS\\PFF",
    "ScanningSequence": "EP\\GR",
    "SequenceVariant": "SS",
    "SeriesDescription": "Axial rsfMRI with Eyes Open - RKV",
    "SeriesNumber": 10,
    "SliceThickness": 3.4,
    "SliceTiming": [
      0,
      1.5,
      0.0625,
      1.5625,
      0.125,
      1.625,
      0.1875,
      1.6875,
      0.25,
      1.75,
      0.3125,
      1.8125,
      0.375,
      1.875,
      0.4375,
      1.9375,
      0.5,
      2,
      0.5625,
      2.0625,
      0.625,
      2.125,
      0.6875,
      2.1875,
      0.75,
      2.25,
      0.8125,
      2.3125,
      0.875,
      2.375,
      0.9375,
      2.4375,
      1,
      2.5,
      1.0625,
      2.5625,
      1.125,
      2.625,
      1.1875,
      2.6875,
      1.25,
      2.75,
      1.3125,
      2.8125,
      1.375,
      2.875,
      1.4375,
      2.9375
    ],
    "SoftwareVersions": "27\\LX\\MR Software release:DV26.0_R03_1831.b",
    "SpacingBetweenSlices": 3.4,
    "StationName": "FMRI3tb",
    "TaskName": "Resting state with eyes open.",
    "TotalReadoutTime": 0.026208,
    "TriggerDelayTime": 599938,
    "dataset": "ds004215",
    "modality": "bold",
    "session_id": "01",
    "subject_id": "ON22671",
    "task_id": "rest"
  },
  "dummy_trs": 1,
  "dvars_nstd": 13.972382542828276,
  "dvars_std": 1.1387036112626263,
  "dvars_vstd": 0.9637352625252517,
  "efc": 0.4407732715130465,
  "fber": 5559.60009765625,
  "fd_mean": 0.11633135645465982,
  "fd_num": 25,
  "fd_perc": 12.56281407035176,
  "fwhm_avg": 2.768858744671498,
  "fwhm_x": 2.7076596363636365,
  "fwhm_y": 2.550414545454545,
  "fwhm_z": 3.0485020521963135,
  "gcor": 0.026816,
  "gsr_x": -0.018047288060188293,
  "gsr_y": 0.05248812586069107,
  "provenance": {
    "md5sum": "76583617a10925b99a25dabe76ee8b7b",
    "settings": {
      "fd_thres": 0.2,
      "testing": false
    },
    "software": "mriqc",
    "version": "22.0.6",
    "webapi_port": null,
    "webapi_url": "https://mriqc.nimh.nih.gov/api/v1"
  },
  "size_t": 199,
  "size_x": 64,
  "size_y": 64,
  "size_z": 48,
  "snr": 3.717396964885864,
  "spacing_tr": 3.0,
  "spacing_x": 3.4375,
  "spacing_y": 3.4375,
  "spacing_z": 3.3999977111816406,
  "summary_bg_k": 83.18110224773073,
  "summary_bg_mad": 8.605052821471672,
  "summary_bg_mean": 96.67992401123047,
  "summary_bg_median": 32.32160949707031,
  "summary_bg_n": 133844.0,
  "summary_bg_p05": 19.895226001739506,
  "summary_bg_p95": 400.7012603759764,
  "summary_bg_stdv": 189.962646484375,
  "summary_fg_k": 5.757805832772489,
  "summary_fg_mad": 502.7623208921707,
  "summary_fg_mean": 2530.43212890625,
  "summary_fg_median": 2426.5478515625,
  "summary_fg_n": 26624.0,
  "summary_fg_p05": 1682.9377014160157,
  "summary_fg_p95": 3609.874267578125,
  "summary_fg_stdv": 652.7423095703125,
  "tsnr": 94.17860218207352
}