{
  "bids_meta": {
    "AcquisitionMatrixPE": 256,
    "AcquisitionNumber": 1,
    "AcquisitionTime": "15:13:10.000000",
    "BodyPartExamined": "BRAIN",
    "CoilString": "32Ch Head",
    "ConversionSoftware": "dcm2niix",
    "ConversionSoftwareVersion": "v1.0.20211006",
    "Dcm2bidsVersion": "2.1.6",
    "DeviceSerialNumber": "000301496MR3T6MR",
    "EchoTime": 0.003036,
    "FlipAngle": 11,
    "ImageOrientationPatientDICOM": [
      0,
      1,
      0,
      0,
      0,
      -1
    ],
    "ImageType": [
      "ORIGINAL",
      "PRIMARY",
      "OTHER"
    ],
    "ImagingFrequency": 127.697,
    "InPlanePhaseEncodingDirectionDICOM": "ROW",
    "InstitutionName": "NIH FMRIF",
    "InversionTime": 0.4,
    "MRAcquisitionType": "3D",
    "MagneticFieldStrength": 3,
    "Manufacturer": "GE",
    "ManufacturersModelName": "DISCOVERY MR750",
    "Modality": "MR",
    "ParallelReductionFactorInPlane": 1.72974,
    "PatientPosition": "HFS",
    "PercentPhaseFOV": 100,
    "PercentSampling": 100,
    "PixelBandwidth": 244.141,
    "ProcedureStepDescription": "MRI Brain",
    "ProtocolName": "ADNI3 FMRIF Enhanced Pro",
    "ReconMatrixPE": 256,
    "RepetitionTime": 0.007348,
    "SAR": 0.173761,
    "ScanOptions": "FAST_GEMS\\EDR_GEMS\\FILTERED_GEMS\\ACC_GEMS\\IR_GEMS",
    "ScanningSequence": "GR",
    "SequenceVariant": "SS\\SP\\SK",
    "SeriesDescription": "Accelerated Sagittal IR-FSPGR",
    "SeriesNumber": 3,
    "SliceThickness": 1.2,
    "SoftwareVersions": "27\\LX\\MR Software release:DV26.0_R01_1725.a",
    "SpacingBetweenSlices": 1.2,
    "SpoilingState": true,
    "StationName": "fmrif3tb",
    "acq_id": "FSPGR",
    "dataset": "ds004215",
    "modality": "T1w",
    "rec_id": "SCIC",
    "run_id": 1,
    "session_id": "01",
    "subject_id": "ON62955"
  },
  "cjv": 0.31430794519198535,
  "cnr": 4.319181185544705,
  "efc": 0.5527189375948861,
  "fber": -1.0,
  "fwhm_avg": 3.7005904872917994,
  "fwhm_x": 3.448628511192915,
  "fwhm_y": 4.063088964660499,
  "fwhm_z": 3.590053986021985,
  "icvs_csf": 0.24909753196345324,
  "icvs_gm": 0.4305317412151778,
  "icvs_wm": 0.32037072682136897,
  "inu_med": 0.5040299296379089,
  "inu_range": 0.10207289308309547,
  "provenance": {
    "md5sum": "398afe9fe4d19676f3c1910b023887bf",
    "settings": {
      "testing": false
    },
    "software": "mriqc",
    "version": "22.0.6",
    "warnings": {
      "large_rot_frame": true,
      "small_air_mask": false
    },
    "webapi_port": null,
    "webapi_url": "https://mriqc.nimh.nih.gov/api/v1"
  },
  "qi_1": 0.0,
  "qi_2": 0.006859548848728016,
  "rpve_csf": 36.884920142724866,
  "rpve_gm": 21.60003255048292,
  "rpve_wm": 33.88127668924911,
  "size_x": 196,
  "size_y": 256,
  "size_z": 256,
  "snr_csf": 1.9995218521122038,
  "snr_gm": 10.229659715363473,
  "snr_total": 12.432696595945835,
  "snr_wm": 25.068908220361827,
  "snrd_csf": 17.77829575577997,
  "snrd_gm": 56.73459127380323,
  "snrd_total": 53.153727250777706,
  "snrd_wm": 84.94829472274994,
  "spacing_x": 1.2000045776367188,
  "spacing_y": 1.0547000169754028,
  "spacing_z": 1.0547000169754028,
  "summary_bg_k": 26.594363449526337,
  "summary_bg_mad": 0.0,
  "summary_bg_mean": 4.129306312614906,
  "summary_bg_median": 0.0,
  "summary_bg_n": 788551.0,
  "summary_bg_p05": 0.0,
  "summary_bg_p95": 15.681502182036638,
  "summary_bg_stdv": 7.712178403824844,
  "summary_csf_k": 0.8206863325440121,
  "summary_csf_mad": 97.32799046035935,
  "summary_csf_mean": 219.34018367980627,
  "summary_csf_median": 209.28372867777944,
  "summary_csf_n": 21646.0,
  "summary_csf_p05": 73.29624523222446,
  "summary_csf_p95": 421.0013933926821,
  "summary_csf_stdv": 104.66446974072704,
  "summary_gm_k": 0.054371422073036246,
  "summary_gm_mad": 66.13973080542428,
  "summary_gm_mean": 665.947058181265,
  "summary_gm_median": 667.872048586607,
  "summary_gm_n": 24305.0,
  "summary_gm_p05": 556.0153024233878,
  "summary_gm_p95": 769.1585582457483,
  "summary_gm_stdv": 65.28646383477142,
  "summary_wm_k": 0.4738716491279016,
  "summary_wm_mad": 38.2507250643997,
  "summary_wm_mean": 998.9893690304267,
  "summary_wm_median": 1000.0000061094761,
  "summary_wm_n": 112208.0,
  "summary_wm_p05": 931.9888791292906,
  "summary_wm_p95": 1062.3435391746461,
  "summary_wm_stdv": 39.8898723988715,
  "tpm_overlap_csf": 0.16042741650038297,
  "tpm_overlap_gm": 0.47020084521481875,
  "tpm_overlap_wm": 0.5197522825300767,
  "wm2max": 0.5028457951072094
}