{
  "bids_meta": {
    "AcquisitionMatrixPE": 256,
    "AcquisitionNumber": 1,
    "AcquisitionTime": "15:25:56.000000",
    "BodyPartExamined": "BRAIN",
    "CoilString": "32Ch Head",
    "ConversionSoftware": "dcm2niix",
    "ConversionSoftwareVersion": "v1.0.20211006",
    "Dcm2bidsVersion": "2.1.6",
    "DeviceSerialNumber": "000301496MR3T6MR",
    "EchoTime": 0.003036,
    "FlipAngle": 11,
    "ImageOrientationPatientDICOM": [
      0,
      1,
      0,
      0,
      0,
      -1
    ],
    "ImageType": [
      "ORIGINAL",
      "PRIMARY",
      "OTHER"
    ],
    "ImagingFrequency": 127.697,
    "InPlanePhaseEncodingDirectionDICOM": "ROW",
    "InstitutionName": "NIH FMRIF",
    "InversionTime": 0.4,
    "MRAcquisitionType": "3D",
    "MagneticFieldStrength": 3,
    "Manufacturer": "GE",
    "ManufacturersModelName": "DISCOVERY MR750",
    "Modality": "MR",
    "ParallelReductionFactorInPlane": 1.72974,
    "PatientPosition": "HFS",
    "PercentPhaseFOV": 100,
    "PercentSampling": 100,
    "PixelBandwidth": 244.141,
    "ProcedureStepDescription": "MRI Brain",
    "ProtocolName": "ADNI3 FMRIF Enhanced Pro",
    "ReconMatrixPE": 256,
    "RepetitionTime": 0.007348,
    "SAR": 0.173761,
    "ScanOptions": "FAST_GEMS\\EDR_GEMS\\FILTERED_GEMS\\ACC_GEMS\\IR_GEMS",
    "ScanningSequence": "GR",
    "SequenceVariant": "SS\\SP\\SK",
    "SeriesDescription": "Accelerated Sagittal IR-FSPGR",
    "SeriesNumber": 5,
    "SliceThickness": 1.2,
    "SoftwareVersions": "27\\LX\\MR Software release:DV26.0_R01_1725.a",
    "SpacingBetweenSlices": 1.2,
    "SpoilingState": true,
    "StationName": "fmrif3tb",
    "acq_id": "FSPGR",
    "dataset": "ds004215",
    "modality": "T1w",
    "rec_id": "SCIC",
    "run_id": 2,
    "session_id": "01",
    "subject_id": "ON62955"
  },
  "cjv": 0.3253933771681538,
  "cnr": 4.1045957913122395,
  "efc": 0.5482280588027937,
  "fber": -1.0,
  "fwhm_avg": 3.667198999738474,
  "fwhm_x": 3.435824863472586,
  "fwhm_y": 3.965867007374429,
  "fwhm_z": 3.599905128368408,
  "icvs_csf": 0.24793176307526393,
  "icvs_gm": 0.4300880246203228,
  "icvs_wm": 0.32198021230441326,
  "inu_med": 0.5024937391281128,
  "inu_range": 0.10356897115707397,
  "provenance": {
    "md5sum": "483809347f7bd9b6f766d76802baf1ae",
    "settings": {
      "testing": false
    },
    "software": "mriqc",
    "version": "22.0.6",
    "warnings": {
      "large_rot_frame": true,
      "small_air_mask": false
    },
    "webapi_port": null,
    "webapi_url": "https://mriqc.nimh.nih.gov/api/v1"
  },
  "qi_1": 0.0,
  "qi_2": 0.007031002038530003,
  "rpve_csf": 37.105878597957286,
  "rpve_gm": 21.632533240063637,
  "rpve_wm": 33.583823417493974,
  "size_x": 196,
  "size_y": 256,
  "size_z": 256,
  "snr_csf": 2.0914410725078256,
  "snr_gm": 10.032701118342993,
  "snr_total": 11.656812076629665,
  "snr_wm": 22.846294039038174,
  "snrd_csf": 16.51720800598425,
  "snrd_gm": 52.43157471418677,
  "snrd_total": 49.05480595504153,
  "snrd_wm": 78.21563514495357,
  "spacing_x": 1.2000000476837158,
  "spacing_y": 1.0547000169754028,
  "spacing_z": 1.0547000169754028,
  "summary_bg_k": 20.897055650360475,
  "summary_bg_mad": 0.0,
  "summary_bg_mean": 4.617688792043906,
  "summary_bg_median": 0.0,
  "summary_bg_n": 851132.0,
  "summary_bg_p05": 0.0,
  "summary_bg_p95": 21.12699867784977,
  "summary_bg_stdv": 8.37574370702524,
  "summary_csf_k": 0.87998244333532,
  "summary_csf_mad": 93.26378749837382,
  "summary_csf_mean": 220.5299473377583,
  "summary_csf_median": 211.16808807104826,
  "summary_csf_n": 21259.0,
  "summary_csf_p05": 74.89215335175395,
  "summary_csf_p95": 410.27816242724657,
  "summary_csf_stdv": 100.96536987390488,
  "summary_gm_k": 0.16495977959765762,
  "summary_gm_mad": 65.81845046456512,
  "summary_gm_mean": 667.6112284396569,
  "summary_gm_median": 670.3236638382077,
  "summary_gm_n": 22635.0,
  "summary_gm_p05": 552.542344520986,
  "summary_gm_p95": 772.2223712876439,
  "summary_gm_stdv": 66.8124016184565,
  "summary_wm_k": 0.5943816664294848,
  "summary_wm_mad": 41.44497684187994,
  "summary_wm_mean": 999.4588707221118,
  "summary_wm_median": 999.9659824371338,
  "summary_wm_n": 111903.0,
  "summary_wm_p05": 927.0065079033375,
  "summary_wm_p95": 1069.7665970399976,
  "summary_wm_stdv": 43.769090633037735,
  "tpm_overlap_csf": 0.16259009023430132,
  "tpm_overlap_gm": 0.47167128201189606,
  "tpm_overlap_wm": 0.5206762177768561,
  "wm2max": 0.506773621606734
}