{
  "aor": 0.03489444444444444,
  "aqi": 0.0010512273333333334,
  "bids_meta": {
    "AcquisitionMatrixPE": 64,
    "AcquisitionNumber": 1,
    "AcquisitionTime": "11:04:29.000000",
    "BodyPartExamined": "BRAIN",
    "CoilString": "32Ch Head",
    "ConversionSoftware": "dcm2niix",
    "ConversionSoftwareVersion": "v1.0.20211006",
    "Dcm2bidsVersion": "2.1.6",
    "DeviceSerialNumber": "000301496mr3T5mr",
    "EchoTime": 0.0169,
    "EffectiveEchoSpacing": 0.000416,
    "FlipAngle": 90,
    "ImageOrientationPatientDICOM": [
      1,
      0,
      0,
      0,
      1,
      0
    ],
    "ImageType": [
      "ORIGINAL",
      "PRIMARY",
      "OTHER"
    ],
    "ImagingFrequency": 127.824,
    "InPlanePhaseEncodingDirectionDICOM": "COL",
    "InstitutionName": "NIH FMRIF",
    "InternalPulseSequenceName": "EPI",
    "MRAcquisitionType": "2D",
    "MagneticFieldStrength": 3,
    "Manufacturer": "GE",
    "ManufacturersModelName": "DISCOVERY MR750",
    "Modality": "MR",
    "PatientPosition": "HFS",
    "PercentPhaseFOV": 100,
    "PercentSampling": 100,
    "PhaseEncodingDirection": "j-",
    "PhaseEncodingPolarityGE": "Unflipped",
    "PixelBandwidth": 7812.5,
    "ProcedureStepDescription": "MRI Brain",
    "ProtocolName": "ADNI3 FMRIF Enhanced Pro",
    "PulseSequenceName": "epi",
    "ReconMatrixPE": 64,
    "RepetitionTime": 3,
    "SAR": 0.203414,
    "ScanOptions": "MP_GEMS\\EPI_GEMS\\PFF",
    "ScanningSequence": "EP\\GR",
    "SequenceVariant": "SS",
    "SeriesDescription": "Axial rsfMRI reverse blip - RKV",
    "SeriesNumber": 11,
    "SliceThickness": 3.4,
    "SliceTiming": [
      0,
      1.5,
      0.0625,
      1.5625,
      0.125,
      1.625,
      0.1875,
      1.6875,
      0.25,
      1.75,
      0.3125,
      1.8125,
      0.375,
      1.875,
      0.4375,
      1.9375,
      0.5,
      2,
      0.5625,
      2.0625,
      0.625,
      2.125,
      0.6875,
      2.1875,
      0.75,
      2.25,
      0.8125,
      2.3125,
      0.875,
      2.375,
      0.9375,
      2.4375,
      1,
      2.5,
      1.0625,
      2.5625,
      1.125,
      2.625,
      1.1875,
      2.6875,
      1.25,
      2.75,
      1.3125,
      2.8125,
      1.375,
      2.875,
      1.4375,
      2.9375
    ],
    "SoftwareVersions": "27\\LX\\MR Software release:DV26.0_R03_1831.b",
    "SpacingBetweenSlices": 3.4,
    "StationName": "FMRI3ta",
    "TaskName": "Resting state with reverse blip.",
    "TotalReadoutTime": 0.026208,
    "TriggerDelayTime": 29938,
    "dataset": "ds004215",
    "modality": "bold",
    "session_id": "01",
    "subject_id": "ON26309",
    "task_id": "rest"
  },
  "dummy_trs": 1,
  "dvars_nstd": 19.079749585000002,
  "dvars_std": 1.4156254675000002,
  "dvars_vstd": 1.42037092125,
  "efc": 0.46800844093862426,
  "fber": 4431.1669921875,
  "fd_mean": 0.11303971577926956,
  "fd_num": 1,
  "fd_perc": 11.11111111111111,
  "fwhm_avg": 2.5535472620366053,
  "fwhm_x": 2.4837759999999998,
  "fwhm_y": 2.5077934545454545,
  "fwhm_z": 2.6690723315643616,
  "gcor": 0.0326181,
  "gsr_x": -0.006169200409203768,
  "gsr_y": 0.04591600224375725,
  "provenance": {
    "md5sum": "fc12dca51e535bf95cf7b91fac79c586",
    "settings": {
      "fd_thres": 0.2,
      "testing": false
    },
    "software": "mriqc",
    "version": "22.0.6",
    "webapi_port": null,
    "webapi_url": "https://mriqc.nimh.nih.gov/api/v1"
  },
  "size_t": 9,
  "size_x": 64,
  "size_y": 64,
  "size_z": 48,
  "snr": 4.278684140838544,
  "spacing_tr": 3.0,
  "spacing_x": 3.4375,
  "spacing_y": 3.4375,
  "spacing_z": 3.4000015258789062,
  "summary_bg_k": 17.63967802119655,
  "summary_bg_mad": 9.38981216530927,
  "summary_bg_mean": 116.61616516113281,
  "summary_bg_median": 33.11111068725586,
  "summary_bg_n": 132637.0,
  "summary_bg_p05": 24.11111068725586,
  "summary_bg_p95": 571.022229003906,
  "summary_bg_stdv": 212.37890625,
  "summary_fg_k": 1.1404525562491106,
  "summary_fg_mad": 458.86556760919996,
  "summary_fg_mean": 2282.189453125,
  "summary_fg_median": 2211.5556640625,
  "summary_fg_n": 26740.0,
  "summary_fg_p05": 1546.3278198242188,
  "summary_fg_p95": 3231.4501342773438,
  "summary_fg_stdv": 516.8678588867188,
  "tsnr": 141.48473494127393
}