{
  "aor": 0.0032194974874371857,
  "aqi": 0.004296995477386934,
  "bids_meta": {
    "AcquisitionMatrixPE": 64,
    "AcquisitionNumber": 1,
    "AcquisitionTime": "10:53:29.000000",
    "BodyPartExamined": "BRAIN",
    "CoilString": "32Ch Head",
    "ConversionSoftware": "dcm2niix",
    "ConversionSoftwareVersion": "v1.0.20211006",
    "Dcm2bidsVersion": "2.1.6",
    "DeviceSerialNumber": "000301496mr3T5mr",
    "EchoTime": 0.0169,
    "EffectiveEchoSpacing": 0.000416,
    "FlipAngle": 90,
    "ImageOrientationPatientDICOM": [
      1,
      0,
      0,
      0,
      1,
      0
    ],
    "ImageType": [
      "ORIGINAL",
      "PRIMARY",
      "OTHER"
    ],
    "ImagingFrequency": 127.824,
    "InPlanePhaseEncodingDirectionDICOM": "COL",
    "InstitutionName": "NIH FMRIF",
    "InternalPulseSequenceName": "EPI",
    "MRAcquisitionType": "2D",
    "MagneticFieldStrength": 3,
    "Manufacturer": "GE",
    "ManufacturersModelName": "DISCOVERY MR750",
    "Modality": "MR",
    "PatientPosition": "HFS",
    "PercentPhaseFOV": 100,
    "PercentSampling": 100,
    "PhaseEncodingDirection": "j",
    "PhaseEncodingPolarityGE": "Flipped",
    "PixelBandwidth": 7812.5,
    "ProcedureStepDescription": "MRI Brain",
    "ProtocolName": "ADNI3 FMRIF Enhanced Pro",
    "PulseSequenceName": "epi",
    "ReconMatrixPE": 64,
    "RepetitionTime": 3,
    "SAR": 0.203551,
    "ScanOptions": "MP_GEMS\\EPI_GEMS\\PFF",
    "ScanningSequence": "EP\\GR",
    "SequenceVariant": "SS",
    "SeriesDescription": "Axial rsfMRI with Eyes Open - RKV",
    "SeriesNumber": 10,
    "SliceThickness": 3.4,
    "SliceTiming": [
      0,
      1.5,
      0.0625,
      1.5625,
      0.125,
      1.625,
      0.1875,
      1.6875,
      0.25,
      1.75,
      0.3125,
      1.8125,
      0.375,
      1.875,
      0.4375,
      1.9375,
      0.5,
      2,
      0.5625,
      2.0625,
      0.625,
      2.125,
      0.6875,
      2.1875,
      0.75,
      2.25,
      0.8125,
      2.3125,
      0.875,
      2.375,
      0.9375,
      2.4375,
      1,
      2.5,
      1.0625,
      2.5625,
      1.125,
      2.625,
      1.1875,
      2.6875,
      1.25,
      2.75,
      1.3125,
      2.8125,
      1.375,
      2.875,
      1.4375,
      2.9375
    ],
    "SoftwareVersions": "27\\LX\\MR Software release:DV26.0_R03_1831.b",
    "SpacingBetweenSlices": 3.4,
    "StationName": "FMRI3ta",
    "TaskName": "Resting state with eyes open.",
    "TotalReadoutTime": 0.026208,
    "TriggerDelayTime": 599938,
    "dataset": "ds004215",
    "modality": "bold",
    "session_id": "01",
    "subject_id": "ON26309",
    "task_id": "rest"
  },
  "dummy_trs": 1,
  "dvars_nstd": 16.611412525404056,
  "dvars_std": 1.111695425707071,
  "dvars_vstd": 0.9378768975757575,
  "efc": 0.47424281057479684,
  "fber": 3931.95849609375,
  "fd_mean": 0.17174306149681157,
  "fd_num": 54,
  "fd_perc": 27.1356783919598,
  "fwhm_avg": 2.794513273420174,
  "fwhm_x": 2.727130181818182,
  "fwhm_y": 2.634469818181818,
  "fwhm_z": 3.021939820260521,
  "gcor": 0.0393563,
  "gsr_x": -0.003618889022618532,
  "gsr_y": 0.05341362953186035,
  "provenance": {
    "md5sum": "44cd829e83ad2a461eaa0bc3ef47881a",
    "settings": {
      "fd_thres": 0.2,
      "testing": false
    },
    "software": "mriqc",
    "version": "22.0.6",
    "webapi_port": null,
    "webapi_url": "https://mriqc.nimh.nih.gov/api/v1"
  },
  "size_t": 199,
  "size_x": 64,
  "size_y": 64,
  "size_z": 48,
  "snr": 3.746493246709317,
  "spacing_tr": 3.0,
  "spacing_x": 3.4375,
  "spacing_y": 3.4375,
  "spacing_z": 3.4000015258789062,
  "summary_bg_k": 35.04571356675838,
  "summary_bg_mad": 12.993257107757362,
  "summary_bg_mean": 124.67870330810547,
  "summary_bg_median": 34.3668327331543,
  "summary_bg_n": 131579.0,
  "summary_bg_p05": 19.848742675781253,
  "summary_bg_p95": 574.8321777343747,
  "summary_bg_stdv": 227.29705810546875,
  "summary_fg_k": 3.4081707606047615,
  "summary_fg_mad": 489.65381519315207,
  "summary_fg_mean": 2232.666015625,
  "summary_fg_median": 2155.040283203125,
  "summary_fg_n": 27289.0,
  "summary_fg_p05": 1458.2100341796875,
  "summary_fg_p95": 3238.47236328125,
  "summary_fg_stdv": 575.2047729492188,
  "tsnr": 73.70504010468721
}