{
  "bids_meta": {
    "AcquisitionMatrixPE": 256,
    "AcquisitionNumber": 1,
    "AcquisitionTime": "15:17:59.000000",
    "BodyPartExamined": "BRAIN",
    "CoilString": "32Ch Head",
    "ConversionSoftware": "dcm2niix",
    "ConversionSoftwareVersion": "v1.0.20211006",
    "Dcm2bidsVersion": "2.1.6",
    "DeviceSerialNumber": "000301496MR3T6MR",
    "EchoTime": 0.065956,
    "EchoTrainLength": 140,
    "FlipAngle": 90,
    "ImageOrientationPatientDICOM": [
      0,
      1,
      0,
      0,
      0,
      -1
    ],
    "ImageType": [
      "ORIGINAL",
      "PRIMARY",
      "OTHER"
    ],
    "ImagingFrequency": 127.696,
    "InPlanePhaseEncodingDirectionDICOM": "ROW",
    "InstitutionName": "NIH FMRIF",
    "MRAcquisitionType": "3D",
    "MagneticFieldStrength": 3,
    "Manufacturer": "GE",
    "ManufacturersModelName": "DISCOVERY MR750",
    "Modality": "MR",
    "ParallelReductionFactorInPlane": 2,
    "ParallelReductionOutOfPlane": 1.5,
    "PatientPosition": "HFS",
    "PercentPhaseFOV": 100,
    "PercentSampling": 100,
    "PhaseEncodingAxis": "i",
    "PixelBandwidth": 244.141,
    "ProcedureStepDescription": "MRI BRAIN",
    "ProtocolName": "ADNI3 FMRIF Enhanced Pro",
    "ReconMatrixPE": 256,
    "RepetitionTime": 3.202,
    "SAR": 0.451,
    "ScanOptions": "SAT_GEMS\\EDR_GEMS\\PROMO_GEMS\\ACC_GEMS\\FS\\FR_GEMS",
    "ScanningSequence": "RM",
    "SequenceVariant": "NONE",
    "SeriesDescription": "ORIG Anat T2w CUBE (ABCD)",
    "SeriesNumber": 40004,
    "SliceThickness": 1,
    "SoftwareVersions": "27\\LX\\MR Software release:DV26.0_R03_1831.b",
    "SpacingBetweenSlices": 1,
    "StationName": "FMRI3tb",
    "acq_id": "CUBE",
    "dataset": "ds004215",
    "modality": "T2w",
    "session_id": "01",
    "subject_id": "ON66199"
  },
  "cjv": 0.27269753797839896,
  "cnr": 4.371800812091609,
  "efc": 0.3934059043698402,
  "fber": 1290.6900139633349,
  "fwhm_avg": 2.6527600000000002,
  "fwhm_x": 2.17336,
  "fwhm_y": 2.8714,
  "fwhm_z": 2.91352,
  "icvs_csf": 0.2278499921058568,
  "icvs_gm": 0.7100584346628415,
  "icvs_wm": 0.062091573231301725,
  "inu_med": 0.8918582797050476,
  "inu_range": 0.538986042141914,
  "provenance": {
    "md5sum": "1aa996db7147717e9c97ba49daa5a024",
    "settings": {
      "testing": false
    },
    "software": "mriqc",
    "version": "22.0.6",
    "warnings": {
      "large_rot_frame": true,
      "small_air_mask": false
    },
    "webapi_port": null,
    "webapi_url": "https://mriqc.nimh.nih.gov/api/v1"
  },
  "qi_1": 0.0,
  "qi_2": 0.006353821645441221,
  "rpve_csf": 24.567717831743373,
  "rpve_gm": 10.718235160270531,
  "rpve_wm": 101.8762608921241,
  "size_x": 204,
  "size_y": 256,
  "size_z": 256,
  "snr_csf": 5.046732243218579,
  "snr_gm": 7.691665724811886,
  "snr_total": 4.622110827714425,
  "snr_wm": 1.1279345151128117,
  "snrd_csf": 81.91665185409249,
  "snrd_gm": 26.98524404771914,
  "snrd_total": 37.719800494125984,
  "snrd_wm": 4.2575055805663276,
  "spacing_x": 1.0,
  "spacing_y": 1.0,
  "spacing_z": 1.0,
  "summary_bg_k": 27.65255786833129,
  "summary_bg_mad": 153.9625456006253,
  "summary_bg_mean": 165.4510009054579,
  "summary_bg_median": 162.63737058639526,
  "summary_bg_n": 4204080.0,
  "summary_bg_p05": 0.0,
  "summary_bg_p95": 453.84617602825165,
  "summary_bg_stdv": 161.36756627510204,
  "summary_csf_k": 2.8192554268418437,
  "summary_csf_mad": 2764.808887664139,
  "summary_csf_mean": 18843.904873530642,
  "summary_csf_median": 19251.09984201193,
  "summary_csf_n": 55376.0,
  "summary_csf_p05": 12102.747844278812,
  "summary_csf_p95": 24727.61109869182,
  "summary_csf_stdv": 3814.532868353549,
  "summary_gm_k": -0.04020859847137137,
  "summary_gm_mad": 832.538209544122,
  "summary_gm_mean": 6407.993865705112,
  "summary_gm_median": 6341.7585517168045,
  "summary_gm_n": 501403.0,
  "summary_gm_p05": 5169.2310218811035,
  "summary_gm_p95": 7873.077307879925,
  "summary_gm_stdv": 824.4965986032083,
  "summary_wm_k": 5.362807179214675,
  "summary_wm_mad": 623.9963488363967,
  "summary_wm_mean": 1256.7930928994253,
  "summary_wm_median": 1000.5494994521141,
  "summary_wm_n": 12251.0,
  "summary_wm_p05": 352.4725446999073,
  "summary_wm_p95": 3063.7364134788513,
  "summary_wm_stdv": 887.0272607068231,
  "tpm_overlap_csf": 0.1647659332320748,
  "tpm_overlap_gm": 0.4212029295813088,
  "tpm_overlap_wm": 0.01629131202678374,
  "wm2max": 0.03906132692678951
}