{
  "bids_meta": {
    "AcquisitionMatrixPE": 256,
    "AcquisitionNumber": 1,
    "AcquisitionTime": "14:15:58.000000",
    "BodyPartExamined": "BRAIN",
    "CoilString": "32Ch Head",
    "ConversionSoftware": "dcm2niix",
    "ConversionSoftwareVersion": "v1.0.20211006",
    "Dcm2bidsVersion": "2.1.6",
    "DeviceSerialNumber": "000301496MR3T6MR",
    "EchoTime": 0.003036,
    "FlipAngle": 11,
    "ImageOrientationPatientDICOM": [
      0,
      1,
      0,
      0,
      0,
      -1
    ],
    "ImageType": [
      "ORIGINAL",
      "PRIMARY",
      "OTHER"
    ],
    "ImagingFrequency": 127.697,
    "InPlanePhaseEncodingDirectionDICOM": "ROW",
    "InstitutionName": "NIH FMRIF",
    "InversionTime": 0.4,
    "MRAcquisitionType": "3D",
    "MagneticFieldStrength": 3,
    "Manufacturer": "GE",
    "ManufacturersModelName": "DISCOVERY MR750",
    "Modality": "MR",
    "ParallelReductionFactorInPlane": 1.72974,
    "PatientPosition": "HFS",
    "PercentPhaseFOV": 100,
    "PercentSampling": 100,
    "PixelBandwidth": 244.141,
    "ProcedureStepDescription": "MRI Brain",
    "ProtocolName": "ADNI3 FMRIF Enhanced Pro",
    "ReconMatrixPE": 256,
    "RepetitionTime": 0.007348,
    "SAR": 0.202318,
    "ScanOptions": "FAST_GEMS\\EDR_GEMS\\FILTERED_GEMS\\ACC_GEMS\\IR_GEMS",
    "ScanningSequence": "GR",
    "SequenceVariant": "SS\\SP\\SK",
    "SeriesDescription": "Accelerated Sagittal IR-FSPGR",
    "SeriesNumber": 3,
    "SliceThickness": 1.2,
    "SoftwareVersions": "27\\LX\\MR Software release:DV26.0_R01_1725.a",
    "SpacingBetweenSlices": 1.2,
    "SpoilingState": true,
    "StationName": "fmrif3tb",
    "acq_id": "FSPGR",
    "dataset": "ds004215",
    "modality": "T1w",
    "rec_id": "SCIC",
    "session_id": "01",
    "subject_id": "ON75450"
  },
  "cjv": 0.32561980006702873,
  "cnr": 4.09968164050815,
  "efc": 0.5711622275984826,
  "fber": -1.0,
  "fwhm_avg": 3.468397668332807,
  "fwhm_x": 3.1701879066928607,
  "fwhm_y": 3.7864700253372012,
  "fwhm_z": 3.4485350729683586,
  "icvs_csf": 0.2428713894212712,
  "icvs_gm": 0.420339578571471,
  "icvs_wm": 0.3367890320072578,
  "inu_med": 0.5445912480354309,
  "inu_range": 0.1011913478374481,
  "provenance": {
    "md5sum": "048940ddf5ef57141596d1ebbf5a8813",
    "settings": {
      "testing": false
    },
    "software": "mriqc",
    "version": "22.0.6",
    "warnings": {
      "large_rot_frame": true,
      "small_air_mask": false
    },
    "webapi_port": null,
    "webapi_url": "https://mriqc.nimh.nih.gov/api/v1"
  },
  "qi_1": 0.0,
  "qi_2": 0.003257617758172085,
  "rpve_csf": 31.552675634833626,
  "rpve_gm": 18.63785724956282,
  "rpve_wm": 27.550342465753424,
  "size_x": 196,
  "size_y": 256,
  "size_z": 256,
  "snr_csf": 2.1261747273232423,
  "snr_gm": 9.159462971681153,
  "snr_total": 11.915112137890238,
  "snr_wm": 24.459698714666317,
  "snrd_csf": 13.672358893836792,
  "snrd_gm": 45.842144422234284,
  "snrd_total": 43.03707924405408,
  "snrd_wm": 69.59673441609118,
  "spacing_x": 1.2000045776367188,
  "spacing_y": 1.0547000169754028,
  "spacing_z": 1.0547000169754028,
  "summary_bg_k": 12.029449516344227,
  "summary_bg_mad": 0.0,
  "summary_bg_mean": 5.426130379332047,
  "summary_bg_median": 0.0,
  "summary_bg_n": 979060.0,
  "summary_bg_p05": 0.0,
  "summary_bg_p95": 23.26294519379735,
  "summary_bg_stdv": 9.413321425687839,
  "summary_csf_k": 8.704389964471678,
  "summary_csf_mad": 78.18421607073854,
  "summary_csf_mean": 207.11973836347258,
  "summary_csf_median": 196.4511648491025,
  "summary_csf_n": 36454.0,
  "summary_csf_p05": 81.77097695674748,
  "summary_csf_p95": 378.83725410327315,
  "summary_csf_stdv": 92.39526168683136,
  "summary_gm_k": 0.13921070803862623,
  "summary_gm_mad": 71.2521852853969,
  "summary_gm_mean": 656.1680866831324,
  "summary_gm_median": 658.6824366487563,
  "summary_gm_n": 29435.0,
  "summary_gm_p05": 534.98642032668,
  "summary_gm_p95": 769.7582093920558,
  "summary_gm_stdv": 71.91155746006909,
  "summary_wm_k": 0.22809330085191482,
  "summary_wm_mad": 39.88758697794946,
  "summary_wm_mean": 999.7336238161754,
  "summary_wm_median": 1000.0000476799905,
  "summary_wm_n": 151818.0,
  "summary_wm_p05": 931.8591637350619,
  "summary_wm_p95": 1066.0714109651744,
  "summary_wm_stdv": 40.8834452918949,
  "tpm_overlap_csf": 0.1649577290606694,
  "tpm_overlap_gm": 0.4644671070010571,
  "tpm_overlap_wm": 0.521169017301732,
  "wm2max": 0.47122243692774457
}