{
  "bids_meta": {
    "AcquisitionMatrixPE": 256,
    "AcquisitionNumber": 1,
    "AcquisitionTime": "11:04:57.000000",
    "BodyPartExamined": "BRAIN",
    "CoilString": "32Ch Head",
    "ConversionSoftware": "dcm2niix",
    "ConversionSoftwareVersion": "v1.0.20211006",
    "Dcm2bidsVersion": "2.1.6",
    "DeviceSerialNumber": "000301496mr3T5mr",
    "EchoTime": 0.066902,
    "EchoTrainLength": 140,
    "FlipAngle": 90,
    "ImageOrientationPatientDICOM": [
      0,
      1,
      0,
      0,
      0,
      -1
    ],
    "ImageType": [
      "ORIGINAL",
      "PRIMARY",
      "OTHER"
    ],
    "ImagingFrequency": 127.824,
    "InPlanePhaseEncodingDirectionDICOM": "ROW",
    "InstitutionName": "NIH FMRIF",
    "MRAcquisitionType": "3D",
    "MagneticFieldStrength": 3,
    "Manufacturer": "GE",
    "ManufacturersModelName": "DISCOVERY MR750",
    "Modality": "MR",
    "ParallelReductionFactorInPlane": 2,
    "ParallelReductionOutOfPlane": 1.5,
    "PatientPosition": "HFS",
    "PercentPhaseFOV": 100,
    "PercentSampling": 100,
    "PhaseEncodingAxis": "i",
    "PixelBandwidth": 244.141,
    "ProcedureStepDescription": "MRI Brain",
    "ProtocolName": "ADNI3 FMRIF Enhanced Pro",
    "ReconMatrixPE": 256,
    "RepetitionTime": 3.202,
    "SAR": 0.5007,
    "ScanOptions": "SAT_GEMS\\EDR_GEMS\\PROMO_GEMS\\ACC_GEMS\\FS\\FR_GEMS",
    "ScanningSequence": "RM",
    "SequenceVariant": "NONE",
    "SeriesDescription": "ORIG Anat T2w CUBE (ABCD)",
    "SeriesNumber": 40004,
    "SliceThickness": 1,
    "SoftwareVersions": "27\\LX\\MR Software release:DV26.0_R03_1831.b",
    "SpacingBetweenSlices": 1,
    "StationName": "FMRI3ta",
    "acq_id": "CUBE",
    "dataset": "ds004215",
    "modality": "T2w",
    "session_id": "01",
    "subject_id": "ON63704"
  },
  "cjv": 0.7601802643870926,
  "cnr": 1.216437446788063,
  "efc": 0.3640642929450024,
  "fber": -1.0,
  "fwhm_avg": 2.5142333333333333,
  "fwhm_x": 2.10165,
  "fwhm_y": 2.76606,
  "fwhm_z": 2.67499,
  "icvs_csf": 0.22576576091980707,
  "icvs_gm": 0.2054409054862569,
  "icvs_wm": 0.568793333593936,
  "inu_med": 0.8827577233314514,
  "inu_range": 0.5029676377773284,
  "provenance": {
    "md5sum": "b8e74580cc67f9f8f9c3f5fdaa5f78fe",
    "settings": {
      "testing": false
    },
    "software": "mriqc",
    "version": "22.0.6",
    "warnings": {
      "large_rot_frame": true,
      "small_air_mask": false
    },
    "webapi_port": null,
    "webapi_url": "https://mriqc.nimh.nih.gov/api/v1"
  },
  "qi_1": 0.0,
  "qi_2": 0.011742438681076625,
  "rpve_csf": 24.040993380728793,
  "rpve_gm": 37.538209140027014,
  "rpve_wm": 13.238176452475876,
  "size_x": 204,
  "size_y": 256,
  "size_z": 256,
  "snr_csf": 9.907077039321104,
  "snr_gm": 2.00261315975405,
  "snr_total": 7.2866777081375576,
  "snr_wm": 9.95034292533752,
  "snrd_csf": 70.39073365630927,
  "snrd_gm": 118.80824860106408,
  "snrd_total": 78.5381963454476,
  "snrd_wm": 46.41560677896946,
  "spacing_x": 1.0,
  "spacing_y": 1.0,
  "spacing_z": 1.0,
  "summary_bg_k": 3.139127717002716,
  "summary_bg_mad": 14.119113080805864,
  "summary_bg_mean": 10.011870890955135,
  "summary_bg_median": 9.523197054862976,
  "summary_bg_n": 3272821.0,
  "summary_bg_p05": 0.0,
  "summary_bg_p95": 33.39553561806679,
  "summary_bg_stdv": 12.434859957709724,
  "summary_csf_k": 1.0906191762355508,
  "summary_csf_mad": 137.70905224421125,
  "summary_csf_mean": 1529.1541541532235,
  "summary_csf_median": 1517.0195524692535,
  "summary_csf_n": 7598.0,
  "summary_csf_p05": 1306.0099571853875,
  "summary_csf_p95": 1807.222896234691,
  "summary_csf_stdv": 153.11475957788718,
  "summary_gm_k": -1.2526981964835096,
  "summary_gm_mad": 1085.9315148568455,
  "summary_gm_mean": 2075.824549251566,
  "summary_gm_median": 2560.4852622002363,
  "summary_gm_n": 59358.0,
  "summary_gm_p05": 65.05373123288155,
  "summary_gm_p95": 3688.1250950887797,
  "summary_gm_stdv": 1278.56130450446,
  "summary_wm_k": 0.16356936635753483,
  "summary_wm_mad": 100.07398393084696,
  "summary_wm_mean": 1005.1078318070222,
  "summary_wm_median": 1000.3217663168907,
  "summary_wm_n": 242270.0,
  "summary_wm_p05": 848.3366889953613,
  "summary_wm_p95": 1175.2783392369747,
  "summary_wm_stdv": 100.53117860796365,
  "tpm_overlap_csf": 0.1049872236509926,
  "tpm_overlap_gm": 0.11456540590621382,
  "tpm_overlap_wm": 0.4517860620990183,
  "wm2max": 0.2723530226354565
}