{
  "bids_meta": {
    "AcquisitionMatrixPE": 256,
    "AcquisitionNumber": 1,
    "AcquisitionTime": "10:58:25.000000",
    "BodyPartExamined": "BRAIN",
    "CoilString": "32Ch Head",
    "ConversionSoftware": "dcm2niix",
    "ConversionSoftwareVersion": "v1.0.20211006",
    "Dcm2bidsVersion": "2.1.6",
    "DeviceSerialNumber": "000301496mr3T5mr",
    "EchoTime": 0.00292,
    "FlipAngle": 8,
    "ImageOrientationPatientDICOM": [
      0,
      1,
      0,
      0,
      0,
      -1
    ],
    "ImageType": [
      "ORIGINAL",
      "PRIMARY",
      "OTHER"
    ],
    "ImagingFrequency": 127.824,
    "InPlanePhaseEncodingDirectionDICOM": "ROW",
    "InstitutionName": "NIH FMRIF",
    "InversionTime": 1.06,
    "MRAcquisitionType": "3D",
    "MagneticFieldStrength": 3,
    "Manufacturer": "GE",
    "ManufacturersModelName": "DISCOVERY MR750",
    "Modality": "MR",
    "ParallelReductionFactorInPlane": 2,
    "ParallelReductionOutOfPlane": 2,
    "PatientPosition": "HFS",
    "PercentPhaseFOV": 100,
    "PercentSampling": 100,
    "PixelBandwidth": 244.141,
    "ProcedureStepDescription": "MRI Brain",
    "ProtocolName": "ADNI3 FMRIF Enhanced Pro",
    "ReconMatrixPE": 256,
    "RepetitionTime": 0.006952,
    "SAR": 0.102824,
    "ScanOptions": "EDR_GEMS\\PROMO_GEMS\\FILTERED_GEMS\\ACC_GEMS\\IR_GEMS",
    "ScanningSequence": "RM",
    "SequenceVariant": "NONE",
    "SeriesDescription": "Anat T1w MP-RAGE 1mm (ABCD)",
    "SeriesNumber": 3,
    "SliceThickness": 1,
    "SoftwareVersions": "27\\LX\\MR Software release:DV26.0_R03_1831.b",
    "SpacingBetweenSlices": 1,
    "StationName": "FMRI3ta",
    "acq_id": "MPRAGE",
    "dataset": "ds004215",
    "modality": "T1w",
    "rec_id": "SCIC",
    "session_id": "01",
    "subject_id": "ON63704"
  },
  "cjv": 0.3495867395517345,
  "cnr": 3.749032377072437,
  "efc": 0.6648097815703371,
  "fber": 5222.339118033402,
  "fwhm_avg": 3.6117666666666666,
  "fwhm_x": 3.47898,
  "fwhm_y": 3.86255,
  "fwhm_z": 3.49377,
  "icvs_csf": 0.24476915228986243,
  "icvs_gm": 0.4219456185772833,
  "icvs_wm": 0.33328522913285424,
  "inu_med": 0.45833809673786163,
  "inu_range": 0.08160389214754105,
  "provenance": {
    "md5sum": "02511e8c847c110f87fb65d503d280b8",
    "settings": {
      "testing": false
    },
    "software": "mriqc",
    "version": "22.0.6",
    "warnings": {
      "large_rot_frame": true,
      "small_air_mask": false
    },
    "webapi_port": null,
    "webapi_url": "https://mriqc.nimh.nih.gov/api/v1"
  },
  "qi_1": 0.0,
  "qi_2": 0.0033821315866625007,
  "rpve_csf": 26.95359192086394,
  "rpve_gm": 15.69077528483521,
  "rpve_wm": 23.25701798304573,
  "size_x": 208,
  "size_y": 256,
  "size_z": 256,
  "snr_csf": 1.6986724876913142,
  "snr_gm": 8.239338335841214,
  "snr_total": 10.610658712630531,
  "snr_wm": 21.893965314359065,
  "snrd_csf": 12.888798181933039,
  "snrd_gm": 52.97147169157521,
  "snrd_total": 48.912665576964436,
  "snrd_wm": 80.87772685738506,
  "spacing_x": 1.0,
  "spacing_y": 1.0,
  "spacing_z": 1.0,
  "summary_bg_k": 6.774808138923882,
  "summary_bg_mad": 0.0,
  "summary_bg_mean": 4.685124896391673,
  "summary_bg_median": 0.0,
  "summary_bg_n": 697517.0,
  "summary_bg_p05": 0.0,
  "summary_bg_p95": 23.725417453049527,
  "summary_bg_stdv": 8.100142892519106,
  "summary_csf_k": 2.251051452012062,
  "summary_csf_mad": 67.74589883740427,
  "summary_csf_mean": 183.3469921364419,
  "summary_csf_median": 159.35781767964363,
  "summary_csf_n": 46841.0,
  "summary_csf_p05": 77.68664485216141,
  "summary_csf_p95": 385.5438589453697,
  "summary_csf_stdv": 93.81214906035058,
  "summary_gm_k": 0.13716358279842344,
  "summary_gm_mad": 76.43437081986585,
  "summary_gm_mean": 654.1025921263331,
  "summary_gm_median": 654.942222610116,
  "summary_gm_n": 28230.0,
  "summary_gm_p05": 520.6321730419993,
  "summary_gm_p95": 787.0153441920876,
  "summary_gm_stdv": 79.48825448133589,
  "summary_wm_k": 0.36790197461306784,
  "summary_wm_mad": 44.18511199033149,
  "summary_wm_mean": 999.1516535221783,
  "summary_wm_median": 999.9767138063908,
  "summary_wm_n": 177684.0,
  "summary_wm_p05": 923.3153276145458,
  "summary_wm_p95": 1072.5836680233479,
  "summary_wm_stdv": 45.6734942951496,
  "tpm_overlap_csf": 0.16345828981966296,
  "tpm_overlap_gm": 0.47587595488035556,
  "tpm_overlap_wm": 0.5195806640965362,
  "wm2max": 0.7396714869266964
}