{
  "bids_meta": {
    "AcquisitionMatrixPE": 256,
    "AcquisitionNumber": 1,
    "AcquisitionTime": "14:20:39.000000",
    "BodyPartExamined": "BRAIN",
    "CoilString": "32Ch Head",
    "ConversionSoftware": "dcm2niix",
    "ConversionSoftwareVersion": "v1.0.20211006",
    "Dcm2bidsVersion": "2.1.6",
    "DeviceSerialNumber": "000301496MR3T6MR",
    "EchoTime": 0.003036,
    "FlipAngle": 11,
    "ImageOrientationPatientDICOM": [
      0,
      1,
      0,
      0,
      0,
      -1
    ],
    "ImageType": [
      "ORIGINAL",
      "PRIMARY",
      "OTHER"
    ],
    "ImagingFrequency": 127.697,
    "InPlanePhaseEncodingDirectionDICOM": "ROW",
    "InstitutionName": "NIH FMRIF",
    "InversionTime": 0.4,
    "MRAcquisitionType": "3D",
    "MagneticFieldStrength": 3,
    "Manufacturer": "GE",
    "ManufacturersModelName": "DISCOVERY MR750",
    "Modality": "MR",
    "ParallelReductionFactorInPlane": 1.72974,
    "PatientPosition": "HFS",
    "PercentPhaseFOV": 100,
    "PercentSampling": 100,
    "PixelBandwidth": 244.141,
    "ProcedureStepDescription": "MRI Brain",
    "ProtocolName": "ADNI3 FMRIF Enhanced Pro",
    "ReconMatrixPE": 256,
    "RepetitionTime": 0.007348,
    "SAR": 0.159922,
    "ScanOptions": "FAST_GEMS\\EDR_GEMS\\FILTERED_GEMS\\ACC_GEMS\\IR_GEMS",
    "ScanningSequence": "GR",
    "SequenceVariant": "SS\\SP\\SK",
    "SeriesDescription": "Accelerated Sagittal IR-FSPGR",
    "SeriesNumber": 3,
    "SliceThickness": 1.2,
    "SoftwareVersions": "27\\LX\\MR Software release:DV26.0_R01_1725.a",
    "SpacingBetweenSlices": 1.2,
    "SpoilingState": true,
    "StationName": "fmrif3tb",
    "acq_id": "FSPGR",
    "dataset": "ds004215",
    "modality": "T1w",
    "rec_id": "SCIC",
    "session_id": "01",
    "subject_id": "ON05311"
  },
  "cjv": 0.3051542465531983,
  "cnr": 4.418671877053223,
  "efc": 0.542197831440955,
  "fber": 12784.378777361284,
  "fwhm_avg": 3.7783432855353545,
  "fwhm_x": 3.519461574319556,
  "fwhm_y": 4.124831639309113,
  "fwhm_z": 3.690736642977395,
  "icvs_csf": 0.24697715033473508,
  "icvs_gm": 0.43774244406546553,
  "icvs_wm": 0.3152804055997994,
  "inu_med": 0.5529218912124634,
  "inu_range": 0.12687343657016736,
  "provenance": {
    "md5sum": "f01de4391860bc2fd8143ef6cb35e81e",
    "settings": {
      "testing": false
    },
    "software": "mriqc",
    "version": "22.0.6",
    "warnings": {
      "large_rot_frame": true,
      "small_air_mask": false
    },
    "webapi_port": null,
    "webapi_url": "https://mriqc.nimh.nih.gov/api/v1"
  },
  "qi_1": 0.0,
  "qi_2": 0.005491520973794119,
  "rpve_csf": 30.281099350116847,
  "rpve_gm": 17.401414251429166,
  "rpve_wm": 27.739868566357934,
  "size_x": 196,
  "size_y": 256,
  "size_z": 256,
  "snr_csf": 2.2163120693662095,
  "snr_gm": 10.706603652876995,
  "snr_total": 12.462718678541561,
  "snr_wm": 24.465240313381475,
  "snrd_csf": 16.29957698323083,
  "snrd_gm": 47.077549163856645,
  "snrd_total": 44.6207933305397,
  "snrd_wm": 70.48525384453163,
  "spacing_x": 1.2000045776367188,
  "spacing_y": 1.0547000169754028,
  "spacing_z": 1.0547000169754028,
  "summary_bg_k": 22.64581951575725,
  "summary_bg_mad": 0.0,
  "summary_bg_mean": 5.526798187516074,
  "summary_bg_median": 0.0,
  "summary_bg_n": 1040359.0,
  "summary_bg_p05": 0.0,
  "summary_bg_p95": 23.019104540348053,
  "summary_bg_stdv": 9.294659114826697,
  "summary_csf_k": 0.6584486819866391,
  "summary_csf_mad": 86.88754874646258,
  "summary_csf_mean": 246.5899215210247,
  "summary_csf_median": 231.24804510176182,
  "summary_csf_n": 31098.0,
  "summary_csf_p05": 97.43384070619942,
  "summary_csf_p95": 449.6613734968006,
  "summary_csf_stdv": 104.33743975624631,
  "summary_gm_k": 0.08859290550954357,
  "summary_gm_mad": 61.92986941381134,
  "summary_gm_mean": 665.0100908609526,
  "summary_gm_median": 667.906364902854,
  "summary_gm_n": 31007.0,
  "summary_gm_p05": 557.1288817092776,
  "summary_gm_p95": 762.0967824608088,
  "summary_gm_stdv": 62.381649327724105,
  "summary_wm_k": 0.2828424696586289,
  "summary_wm_mad": 39.409916899698125,
  "summary_wm_mean": 999.1221708648674,
  "summary_wm_median": 1000.0000108480453,
  "summary_wm_n": 136033.0,
  "summary_wm_p05": 929.9248456656933,
  "summary_wm_p95": 1064.6335849910975,
  "summary_wm_stdv": 40.874167694791616,
  "tpm_overlap_csf": 0.15256404073262173,
  "tpm_overlap_gm": 0.4645117624165907,
  "tpm_overlap_wm": 0.49344219919435656,
  "wm2max": 0.44430937127240805
}