{
  "bids_meta": {
    "AcquisitionMatrixPE": 256,
    "AcquisitionNumber": 1,
    "AcquisitionTime": "15:12:7.000000",
    "BodyPartExamined": "BRAIN",
    "CoilString": "32Ch Head",
    "ConversionSoftware": "dcm2niix",
    "ConversionSoftwareVersion": "v1.0.20211006",
    "Dcm2bidsVersion": "2.1.6",
    "DeviceSerialNumber": "000301496MR3T6MR",
    "EchoTime": 0.00292,
    "FlipAngle": 8,
    "ImageOrientationPatientDICOM": [
      0,
      1,
      0,
      0,
      0,
      -1
    ],
    "ImageType": [
      "ORIGINAL",
      "PRIMARY",
      "OTHER"
    ],
    "ImagingFrequency": 127.697,
    "InPlanePhaseEncodingDirectionDICOM": "ROW",
    "InstitutionName": "NIH FMRIF",
    "InversionTime": 1.06,
    "MRAcquisitionType": "3D",
    "MagneticFieldStrength": 3,
    "Manufacturer": "GE",
    "ManufacturersModelName": "DISCOVERY MR750",
    "Modality": "MR",
    "ParallelReductionFactorInPlane": 2,
    "ParallelReductionOutOfPlane": 2,
    "PatientPosition": "HFS",
    "PercentPhaseFOV": 100,
    "PercentSampling": 100,
    "PixelBandwidth": 244.141,
    "ProcedureStepDescription": "MRI Brain",
    "ProtocolName": "ADNI3 FMRIF Enhanced Pro",
    "ReconMatrixPE": 256,
    "RepetitionTime": 0.006952,
    "SAR": 0.105473,
    "ScanOptions": "EDR_GEMS\\PROMO_GEMS\\ACC_GEMS\\IR_GEMS",
    "ScanningSequence": "RM",
    "SequenceVariant": "NONE",
    "SeriesDescription": "ORIG Anat T1w MP-RAGE 1mm (ABCD)",
    "SeriesNumber": 40003,
    "SliceThickness": 1,
    "SoftwareVersions": "27\\LX\\MR Software release:DV26.0_R03_1831.b",
    "SpacingBetweenSlices": 1,
    "StationName": "FMRI3tb",
    "acq_id": "MPRAGE",
    "dataset": "ds004215",
    "modality": "T1w",
    "session_id": "01",
    "subject_id": "ON09474"
  },
  "cjv": 0.37506156088683024,
  "cnr": 3.6264871302210087,
  "efc": 0.4049647859833829,
  "fber": 5211.117940409056,
  "fwhm_avg": 3.75651,
  "fwhm_x": 3.69087,
  "fwhm_y": 3.92763,
  "fwhm_z": 3.65103,
  "icvs_csf": 0.23220361148316634,
  "icvs_gm": 0.43891644816216185,
  "icvs_wm": 0.32887994035467183,
  "inu_med": 0.8869003653526306,
  "inu_range": 0.5162883996963501,
  "provenance": {
    "md5sum": "b6da89f9890ff8d48b6516379822ed1d",
    "settings": {
      "testing": false
    },
    "software": "mriqc",
    "version": "22.0.6",
    "warnings": {
      "large_rot_frame": true,
      "small_air_mask": false
    },
    "webapi_port": null,
    "webapi_url": "https://mriqc.nimh.nih.gov/api/v1"
  },
  "qi_1": 1.3421639587492008e-05,
  "qi_2": 0.0014702731523344283,
  "rpve_csf": 30.90612413296346,
  "rpve_gm": 16.70481615999564,
  "rpve_wm": 25.325204966996207,
  "size_x": 208,
  "size_y": 256,
  "size_z": 256,
  "snr_csf": 1.2057401196283488,
  "snr_gm": 7.906497038682828,
  "snr_total": 8.91808367503721,
  "snr_wm": 17.64201386680045,
  "snrd_csf": 5.848204581848993,
  "snrd_gm": 32.39643942893007,
  "snrd_total": 29.64832957812389,
  "snrd_wm": 50.7003447235926,
  "spacing_x": 1.0,
  "spacing_y": 1.0,
  "spacing_z": 1.0,
  "summary_bg_k": 2.0220030034433316,
  "summary_bg_mad": 12.92173476065653,
  "summary_bg_mean": 13.297322873044614,
  "summary_bg_median": 8.715577650815248,
  "summary_bg_n": 4659503.0,
  "summary_bg_p05": 0.0,
  "summary_bg_p95": 37.685666743665934,
  "summary_bg_stdv": 12.899396054404196,
  "summary_csf_k": 2.842512476610268,
  "summary_csf_mad": 67.03529065974396,
  "summary_csf_mean": 140.21354688214532,
  "summary_csf_median": 115.34841970726848,
  "summary_csf_n": 33251.0,
  "summary_csf_p05": 35.10781983286142,
  "summary_csf_p95": 349.0732062868774,
  "summary_csf_stdv": 95.66463229177818,
  "summary_gm_k": -0.07129526000539421,
  "summary_gm_mad": 81.53432637710036,
  "summary_gm_mean": 637.302767919689,
  "summary_gm_median": 638.9786882400513,
  "summary_gm_n": 26835.0,
  "summary_gm_p05": 500.9493075381964,
  "summary_gm_p95": 767.9528701901436,
  "summary_gm_stdv": 80.81540779782304,
  "summary_wm_k": 0.6967418971413113,
  "summary_wm_mad": 53.87089421344131,
  "summary_wm_mean": 1000.3303202174577,
  "summary_wm_median": 1000.0000103674829,
  "summary_wm_n": 150147.0,
  "summary_wm_p05": 908.9979225955904,
  "summary_wm_p95": 1092.8434173613787,
  "summary_wm_stdv": 56.68268304526607,
  "tpm_overlap_csf": 0.15317712627464752,
  "tpm_overlap_gm": 0.4665248809306136,
  "tpm_overlap_wm": 0.5002474136135425,
  "wm2max": 0.48132902666719185
}