{
  "bids_meta": {
    "AcquisitionMatrixPE": 256,
    "AcquisitionNumber": 1,
    "AcquisitionTime": "15:12:7.000000",
    "BodyPartExamined": "BRAIN",
    "CoilString": "32Ch Head",
    "ConversionSoftware": "dcm2niix",
    "ConversionSoftwareVersion": "v1.0.20211006",
    "Dcm2bidsVersion": "2.1.6",
    "DeviceSerialNumber": "000301496MR3T6MR",
    "EchoTime": 0.00292,
    "FlipAngle": 8,
    "ImageOrientationPatientDICOM": [
      0,
      1,
      0,
      0,
      0,
      -1
    ],
    "ImageType": [
      "ORIGINAL",
      "PRIMARY",
      "OTHER"
    ],
    "ImagingFrequency": 127.697,
    "InPlanePhaseEncodingDirectionDICOM": "ROW",
    "InstitutionName": "NIH FMRIF",
    "InversionTime": 1.06,
    "MRAcquisitionType": "3D",
    "MagneticFieldStrength": 3,
    "Manufacturer": "GE",
    "ManufacturersModelName": "DISCOVERY MR750",
    "Modality": "MR",
    "ParallelReductionFactorInPlane": 2,
    "ParallelReductionOutOfPlane": 2,
    "PatientPosition": "HFS",
    "PercentPhaseFOV": 100,
    "PercentSampling": 100,
    "PixelBandwidth": 244.141,
    "ProcedureStepDescription": "MRI Brain",
    "ProtocolName": "ADNI3 FMRIF Enhanced Pro",
    "ReconMatrixPE": 256,
    "RepetitionTime": 0.006952,
    "SAR": 0.105473,
    "ScanOptions": "EDR_GEMS\\PROMO_GEMS\\FILTERED_GEMS\\ACC_GEMS\\IR_GEMS",
    "ScanningSequence": "RM",
    "SequenceVariant": "NONE",
    "SeriesDescription": "Anat T1w MP-RAGE 1mm (ABCD)",
    "SeriesNumber": 3,
    "SliceThickness": 1,
    "SoftwareVersions": "27\\LX\\MR Software release:DV26.0_R03_1831.b",
    "SpacingBetweenSlices": 1,
    "StationName": "FMRI3tb",
    "acq_id": "MPRAGE",
    "dataset": "ds004215",
    "modality": "T1w",
    "rec_id": "SCIC",
    "session_id": "01",
    "subject_id": "ON09474"
  },
  "cjv": 0.36124098408292316,
  "cnr": 3.776278059233818,
  "efc": 0.66424080383527,
  "fber": 11704.731148918294,
  "fwhm_avg": 3.468106666666667,
  "fwhm_x": 3.38807,
  "fwhm_y": 3.68019,
  "fwhm_z": 3.33606,
  "icvs_csf": 0.24046977422971136,
  "icvs_gm": 0.4351008475609662,
  "icvs_wm": 0.32442937820932244,
  "inu_med": 0.5078442096710205,
  "inu_range": 0.06624742746353152,
  "provenance": {
    "md5sum": "3ea4d11d0febeb00b3d520a86c14d59c",
    "settings": {
      "testing": false
    },
    "software": "mriqc",
    "version": "22.0.6",
    "warnings": {
      "large_rot_frame": true,
      "small_air_mask": false
    },
    "webapi_port": null,
    "webapi_url": "https://mriqc.nimh.nih.gov/api/v1"
  },
  "qi_1": 0.0,
  "qi_2": 0.002493252063724927,
  "rpve_csf": 29.750386215613645,
  "rpve_gm": 16.670304174382935,
  "rpve_wm": 25.476616665039174,
  "size_x": 208,
  "size_y": 256,
  "size_z": 256,
  "snr_csf": 1.7553474257042645,
  "snr_gm": 8.656906182136826,
  "snr_total": 9.940837802084785,
  "snr_wm": 19.410259798413264,
  "snrd_csf": 9.74651173672931,
  "snrd_gm": 39.827694798050175,
  "snrd_total": 36.86264507555598,
  "snrd_wm": 61.01372869188847,
  "spacing_x": 1.0,
  "spacing_y": 1.0,
  "spacing_z": 1.0,
  "summary_bg_k": 5.2026617343868455,
  "summary_bg_mad": 0.0,
  "summary_bg_mean": 7.048990833637628,
  "summary_bg_median": 0.0,
  "summary_bg_n": 827553.0,
  "summary_bg_p05": 0.0,
  "summary_bg_p95": 30.71533952653408,
  "summary_bg_stdv": 10.737524120191331,
  "summary_csf_k": 2.402730192544386,
  "summary_csf_mad": 68.71569035742861,
  "summary_csf_mean": 182.00623306134798,
  "summary_csf_median": 159.74292507767677,
  "summary_csf_n": 38826.0,
  "summary_csf_p05": 76.43371836468577,
  "summary_csf_p95": 373.7660213261843,
  "summary_csf_stdv": 91.00242240421667,
  "summary_gm_k": -0.030020158513950346,
  "summary_gm_mad": 76.0765528785398,
  "summary_gm_mean": 651.0129280503138,
  "summary_gm_median": 652.7661011442542,
  "summary_gm_n": 25376.0,
  "summary_gm_p05": 525.7722126729786,
  "summary_gm_p95": 773.0364857465029,
  "summary_gm_stdv": 75.40260058323274,
  "summary_wm_k": 0.4595293958340587,
  "summary_wm_mad": 49.35855334855897,
  "summary_wm_mean": 999.6646186030875,
  "summary_wm_median": 999.9999748021364,
  "summary_wm_n": 150280.0,
  "summary_wm_p05": 914.8597169816494,
  "summary_wm_p95": 1082.7374303787947,
  "summary_wm_stdv": 51.51897285556828,
  "tpm_overlap_csf": 0.1527753655975058,
  "tpm_overlap_gm": 0.47055663169024015,
  "tpm_overlap_wm": 0.5041231802231291,
  "wm2max": 0.590738592802799
}