{
  "bids_meta": {
    "AcquisitionMatrixPE": 256,
    "AcquisitionNumber": 1,
    "AcquisitionTime": "15:18:40.000000",
    "BodyPartExamined": "BRAIN",
    "CoilString": "32Ch Head",
    "ConversionSoftware": "dcm2niix",
    "ConversionSoftwareVersion": "v1.0.20211006",
    "Dcm2bidsVersion": "2.1.6",
    "DeviceSerialNumber": "000301496MR3T6MR",
    "EchoTime": 0.066091,
    "EchoTrainLength": 140,
    "FlipAngle": 90,
    "ImageOrientationPatientDICOM": [
      0,
      1,
      0,
      0,
      0,
      -1
    ],
    "ImageType": [
      "ORIGINAL",
      "PRIMARY",
      "OTHER"
    ],
    "ImagingFrequency": 127.697,
    "InPlanePhaseEncodingDirectionDICOM": "ROW",
    "InstitutionName": "NIH FMRIF",
    "MRAcquisitionType": "3D",
    "MagneticFieldStrength": 3,
    "Manufacturer": "GE",
    "ManufacturersModelName": "DISCOVERY MR750",
    "Modality": "MR",
    "ParallelReductionFactorInPlane": 2,
    "ParallelReductionOutOfPlane": 1.5,
    "PatientPosition": "HFS",
    "PercentPhaseFOV": 100,
    "PercentSampling": 100,
    "PhaseEncodingAxis": "i",
    "PixelBandwidth": 244.141,
    "ProcedureStepDescription": "MRI Brain",
    "ProtocolName": "ADNI3 FMRIF Enhanced Pro",
    "ReconMatrixPE": 256,
    "RepetitionTime": 3.202,
    "SAR": 0.4367,
    "ScanOptions": "SAT_GEMS\\EDR_GEMS\\PROMO_GEMS\\ACC_GEMS\\FS\\FR_GEMS",
    "ScanningSequence": "RM",
    "SequenceVariant": "NONE",
    "SeriesDescription": "ORIG Anat T2w CUBE (ABCD)",
    "SeriesNumber": 40004,
    "SliceThickness": 1,
    "SoftwareVersions": "27\\LX\\MR Software release:DV26.0_R03_1831.b",
    "SpacingBetweenSlices": 1,
    "StationName": "FMRI3tb",
    "acq_id": "CUBE",
    "dataset": "ds004215",
    "modality": "T2w",
    "session_id": "01",
    "subject_id": "ON09474"
  },
  "cjv": 0.5564030302826677,
  "cnr": 1.3003520576461869,
  "efc": 0.36478977022695885,
  "fber": -1.0,
  "fwhm_avg": 2.351875083405827,
  "fwhm_x": 1.942135250217481,
  "fwhm_y": 2.6003,
  "fwhm_z": 2.51319,
  "icvs_csf": 0.2137389484861025,
  "icvs_gm": 0.22322881561258257,
  "icvs_wm": 0.5630322359013149,
  "inu_med": 0.8559129536151886,
  "inu_range": 0.4235423475503921,
  "provenance": {
    "md5sum": "d44c0ecc6725dc2d06295188092c6f7a",
    "settings": {
      "testing": false
    },
    "software": "mriqc",
    "version": "22.0.6",
    "warnings": {
      "large_rot_frame": true,
      "small_air_mask": false
    },
    "webapi_port": null,
    "webapi_url": "https://mriqc.nimh.nih.gov/api/v1"
  },
  "qi_1": 0.013302665788029487,
  "qi_2": 0.0081676031266576,
  "rpve_csf": 28.888526345805154,
  "rpve_gm": 36.88177858890871,
  "rpve_wm": 14.556321311813631,
  "size_x": 204,
  "size_y": 256,
  "size_z": 256,
  "snr_csf": 11.523873275252452,
  "snr_gm": 2.2549874988884566,
  "snr_total": 8.198480322229383,
  "snr_wm": 10.816580192547237,
  "snrd_csf": 62.97736273601662,
  "snrd_gm": 107.28781591961267,
  "snrd_total": 71.81387655124767,
  "snrd_wm": 45.17645099811372,
  "spacing_x": 0.9998016357421875,
  "spacing_y": 1.0,
  "spacing_z": 1.0,
  "summary_bg_k": 25.075015170342166,
  "summary_bg_mad": 0.0,
  "summary_bg_mean": 9.513174462900508,
  "summary_bg_median": 0.0,
  "summary_bg_n": 4366190.0,
  "summary_bg_p05": 0.0,
  "summary_bg_p95": 37.66617348790169,
  "summary_bg_stdv": 14.503508211089004,
  "summary_csf_k": 0.5436464475691869,
  "summary_csf_mad": 113.42162222727852,
  "summary_csf_mean": 1401.0045587176055,
  "summary_csf_median": 1394.202333368361,
  "summary_csf_n": 8688.0,
  "summary_csf_p05": 1214.6325440268963,
  "summary_csf_p95": 1612.6292119771242,
  "summary_csf_stdv": 120.9768678045353,
  "summary_gm_k": -0.8707614879615511,
  "summary_gm_mad": 669.6255629242827,
  "summary_gm_mean": 1947.088926228244,
  "summary_gm_median": 2375.153813984245,
  "summary_gm_n": 54952.0,
  "summary_gm_p05": 63.330870129168034,
  "summary_gm_p95": 3216.2388525087385,
  "summary_gm_stdv": 1053.279543185333,
  "summary_wm_k": -0.15605578394976982,
  "summary_wm_mad": 95.4457094527219,
  "summary_wm_mean": 1000.5278454663753,
  "summary_wm_median": 1000.1230705529451,
  "summary_wm_n": 222302.0,
  "summary_wm_p05": 849.3968305662274,
  "summary_wm_p95": 1151.3416788205504,
  "summary_wm_stdv": 92.46183204652449,
  "tpm_overlap_csf": 0.09567536581048398,
  "tpm_overlap_gm": 0.13829204371372783,
  "tpm_overlap_wm": 0.44767863123001345,
  "wm2max": 0.3112192132378289
}