{
  "bids_meta": {
    "AcquisitionMatrixPE": 256,
    "AcquisitionNumber": 1,
    "AcquisitionTime": "15:04:56.000000",
    "BodyPartExamined": "BRAIN",
    "CoilString": "32Ch Head",
    "ConversionSoftware": "dcm2niix",
    "ConversionSoftwareVersion": "v1.0.20211006",
    "Dcm2bidsVersion": "2.1.6",
    "DeviceSerialNumber": "000301496MR3T6MR",
    "EchoTime": 0.00292,
    "FlipAngle": 8,
    "ImageOrientationPatientDICOM": [
      0,
      1,
      0,
      0,
      0,
      -1
    ],
    "ImageType": [
      "ORIGINAL",
      "PRIMARY",
      "OTHER"
    ],
    "ImagingFrequency": 127.696,
    "InPlanePhaseEncodingDirectionDICOM": "ROW",
    "InstitutionName": "NIH FMRIF",
    "InversionTime": 1.06,
    "MRAcquisitionType": "3D",
    "MagneticFieldStrength": 3,
    "Manufacturer": "GE",
    "ManufacturersModelName": "DISCOVERY MR750",
    "Modality": "MR",
    "ParallelReductionFactorInPlane": 2,
    "ParallelReductionOutOfPlane": 2,
    "PatientPosition": "HFS",
    "PercentPhaseFOV": 100,
    "PercentSampling": 100,
    "PixelBandwidth": 244.141,
    "ProcedureStepDescription": "MRI Brain",
    "ProtocolName": "ADNI3 FMRIF Enhanced Pro",
    "ReconMatrixPE": 256,
    "RepetitionTime": 0.006952,
    "SAR": 0.124453,
    "ScanOptions": "EDR_GEMS\\PROMO_GEMS\\FILTERED_GEMS\\ACC_GEMS\\IR_GEMS",
    "ScanningSequence": "RM",
    "SequenceVariant": "NONE",
    "SeriesDescription": "Anat T1w MP-RAGE 1mm (ABCD)",
    "SeriesNumber": 3,
    "SliceThickness": 1,
    "SoftwareVersions": "27\\LX\\MR Software release:DV26.0_R03_1831.b",
    "SpacingBetweenSlices": 1,
    "StationName": "FMRI3tb",
    "acq_id": "MPRAGE",
    "dataset": "ds004215",
    "modality": "T1w",
    "rec_id": "SCIC",
    "session_id": "01",
    "subject_id": "ON39384"
  },
  "cjv": 0.3539288046348114,
  "cnr": 3.729085349642867,
  "efc": 0.6404748509448845,
  "fber": 6296.921915497091,
  "fwhm_avg": 3.5475666666666665,
  "fwhm_x": 3.46197,
  "fwhm_y": 3.71297,
  "fwhm_z": 3.46776,
  "icvs_csf": 0.2618393695763259,
  "icvs_gm": 0.40706221463483294,
  "icvs_wm": 0.3310984157888411,
  "inu_med": 0.5108212530612946,
  "inu_range": 0.08992448300123207,
  "provenance": {
    "md5sum": "3749787b42255fc26105c6408e34a533",
    "settings": {
      "testing": false
    },
    "software": "mriqc",
    "version": "22.0.6",
    "warnings": {
      "large_rot_frame": true,
      "small_air_mask": false
    },
    "webapi_port": null,
    "webapi_url": "https://mriqc.nimh.nih.gov/api/v1"
  },
  "qi_1": 0.0,
  "qi_2": 0.005215770140351801,
  "rpve_csf": 25.114628396036522,
  "rpve_gm": 15.63683991983001,
  "rpve_wm": 22.45449232073435,
  "size_x": 208,
  "size_y": 256,
  "size_z": 256,
  "snr_csf": 1.5643250359925216,
  "snr_gm": 8.422446771327435,
  "snr_total": 9.83781596985876,
  "snr_wm": 19.52667610225632,
  "snrd_csf": 15.980529319477538,
  "snrd_gm": 62.3593610807601,
  "snrd_total": 58.068068488815875,
  "snrd_wm": 95.86431506620998,
  "spacing_x": 1.0,
  "spacing_y": 1.0,
  "spacing_z": 1.0,
  "summary_bg_k": 3.4285316607134755,
  "summary_bg_mad": 6.833996687999701,
  "summary_bg_mean": 9.232824199091873,
  "summary_bg_median": 4.609460718929768,
  "summary_bg_n": 1040315.0,
  "summary_bg_p05": 0.0,
  "summary_bg_p95": 40.33278129063547,
  "summary_bg_stdv": 14.025469858923044,
  "summary_csf_k": 0.6857367437235085,
  "summary_csf_mad": 89.5503590397034,
  "summary_csf_mean": 195.74279709503094,
  "summary_csf_median": 166.69946051202714,
  "summary_csf_n": 56316.0,
  "summary_csf_p05": 70.54723417386413,
  "summary_csf_p95": 410.74792040511966,
  "summary_csf_stdv": 106.562240348781,
  "summary_gm_k": 0.13863597195668032,
  "summary_gm_mad": 74.56973825106991,
  "summary_gm_mean": 649.5510053095915,
  "summary_gm_median": 650.4960907250643,
  "summary_gm_n": 23268.0,
  "summary_gm_p05": 520.8423600946553,
  "summary_gm_p95": 776.9091456183231,
  "summary_gm_stdv": 77.23196475969566,
  "summary_wm_k": 0.37194094086961016,
  "summary_wm_mad": 49.12976887287589,
  "summary_wm_mean": 998.9586574865475,
  "summary_wm_median": 1000.0000177975744,
  "summary_wm_n": 187686.0,
  "summary_wm_p05": 913.0386064294726,
  "summary_wm_p95": 1080.721793314442,
  "summary_wm_stdv": 51.211857488355285,
  "tpm_overlap_csf": 0.1475095451391464,
  "tpm_overlap_gm": 0.4653294847565798,
  "tpm_overlap_wm": 0.5141118866981521,
  "wm2max": 0.6533891612950617
}