{
  "bids_meta": {
    "AcquisitionMatrixPE": 256,
    "AcquisitionNumber": 1,
    "AcquisitionTime": "15:11:34.000000",
    "BodyPartExamined": "BRAIN",
    "CoilString": "32Ch Head",
    "ConversionSoftware": "dcm2niix",
    "ConversionSoftwareVersion": "v1.0.20211006",
    "Dcm2bidsVersion": "2.1.6",
    "DeviceSerialNumber": "000301496MR3T6MR",
    "EchoTime": 0.066495,
    "EchoTrainLength": 140,
    "FlipAngle": 90,
    "ImageOrientationPatientDICOM": [
      0,
      1,
      0,
      0,
      0,
      -1
    ],
    "ImageType": [
      "ORIGINAL",
      "PRIMARY",
      "OTHER"
    ],
    "ImagingFrequency": 127.696,
    "InPlanePhaseEncodingDirectionDICOM": "ROW",
    "InstitutionName": "NIH FMRIF",
    "MRAcquisitionType": "3D",
    "MagneticFieldStrength": 3,
    "Manufacturer": "GE",
    "ManufacturersModelName": "DISCOVERY MR750",
    "Modality": "MR",
    "ParallelReductionFactorInPlane": 2,
    "ParallelReductionOutOfPlane": 1.5,
    "PatientPosition": "HFS",
    "PercentPhaseFOV": 100,
    "PercentSampling": 100,
    "PhaseEncodingAxis": "i",
    "PixelBandwidth": 244.141,
    "ProcedureStepDescription": "MRI Brain",
    "ProtocolName": "ADNI3 FMRIF Enhanced Pro",
    "ReconMatrixPE": 256,
    "RepetitionTime": 3.202,
    "SAR": 0.4592,
    "ScanOptions": "SAT_GEMS\\EDR_GEMS\\PROMO_GEMS\\FILTERED_GEMS\\ACC_GEMS\\FS\\FR_GEMS",
    "ScanningSequence": "RM",
    "SequenceVariant": "NONE",
    "SeriesDescription": "Anat T2w CUBE (ABCD)",
    "SeriesNumber": 4,
    "SliceThickness": 1,
    "SoftwareVersions": "27\\LX\\MR Software release:DV26.0_R03_1831.b",
    "SpacingBetweenSlices": 1,
    "StationName": "FMRI3tb",
    "acq_id": "CUBE",
    "dataset": "ds004215",
    "modality": "T2w",
    "rec_id": "SCIC",
    "session_id": "01",
    "subject_id": "ON39384"
  },
  "cjv": 2.0302093669333297,
  "cnr": 0.720998399735051,
  "efc": 0.4448638985544701,
  "fber": 2064.627478610244,
  "fwhm_avg": 2.3207166666666668,
  "fwhm_x": 1.95109,
  "fwhm_y": 2.60322,
  "fwhm_z": 2.40784,
  "icvs_csf": 0.18555691868950275,
  "icvs_gm": 0.588574503229558,
  "icvs_wm": 0.2258685780809393,
  "inu_med": 0.8095881938934326,
  "inu_range": 0.1852947324514389,
  "provenance": {
    "md5sum": "fdd95bce5ac921924490019895ecb77c",
    "settings": {
      "testing": false
    },
    "software": "mriqc",
    "version": "22.0.6",
    "warnings": {
      "large_rot_frame": true,
      "small_air_mask": false
    },
    "webapi_port": null,
    "webapi_url": "https://mriqc.nimh.nih.gov/api/v1"
  },
  "qi_1": 0.0,
  "qi_2": 0.005198946230307696,
  "rpve_csf": 27.73253844094567,
  "rpve_gm": 12.535324603312034,
  "rpve_wm": 32.723103264722404,
  "size_x": 204,
  "size_y": 256,
  "size_z": 256,
  "snr_csf": 9.742783918933624,
  "snr_gm": 9.581134071676743,
  "snr_total": 6.9383024217629385,
  "snr_wm": 1.4909892746784503,
  "snrd_csf": 68.12160583230202,
  "snrd_gm": 46.61743972752589,
  "snrd_total": 68.42853522744406,
  "snrd_wm": 90.54656012250425,
  "spacing_x": 1.0,
  "spacing_y": 1.0,
  "spacing_z": 1.0,
  "summary_bg_k": 228.73930409527318,
  "summary_bg_mad": 7.240224034977778,
  "summary_bg_mean": 6.322588732083551,
  "summary_bg_median": 5.516986444592476,
  "summary_bg_n": 3063146.0,
  "summary_bg_p05": 0.0,
  "summary_bg_p95": 15.864635661244392,
  "summary_bg_stdv": 8.492213969663704,
  "summary_csf_k": 0.9795231593423774,
  "summary_csf_mad": 69.74096881259676,
  "summary_csf_mean": 759.7536211077287,
  "summary_csf_median": 752.8442746400833,
  "summary_csf_n": 6745.0,
  "summary_csf_p05": 646.7861495822668,
  "summary_csf_p95": 896.7610693573951,
  "summary_csf_stdv": 77.26625893108485,
  "summary_gm_k": 0.0014951956243214326,
  "summary_gm_mad": 54.751748242886,
  "summary_gm_mean": 517.3478847903901,
  "summary_gm_median": 515.1915044933558,
  "summary_gm_n": 282968.0,
  "summary_gm_p05": 433.20222268998623,
  "summary_gm_p95": 608.4787298291922,
  "summary_gm_stdv": 53.77135841155338,
  "summary_wm_k": -1.811563443024792,
  "summary_wm_mad": 930.8775609943996,
  "summary_wm_mean": 845.4088322369217,
  "summary_wm_median": 1000.6731130853295,
  "summary_wm_n": 67772.0,
  "summary_wm_p05": 32.4947861880064,
  "summary_wm_p95": 1646.5960786640644,
  "summary_wm_stdv": 671.1421385843253,
  "tpm_overlap_csf": 0.10648531087707283,
  "tpm_overlap_gm": 0.37151383374013036,
  "tpm_overlap_wm": 0.046346801562900226,
  "wm2max": 0.6082488287016238
}