{
  "bids_meta": {
    "AcquisitionMatrixPE": 256,
    "AcquisitionNumber": 1,
    "AcquisitionTime": "15:04:56.000000",
    "BodyPartExamined": "BRAIN",
    "CoilString": "32Ch Head",
    "ConversionSoftware": "dcm2niix",
    "ConversionSoftwareVersion": "v1.0.20211006",
    "Dcm2bidsVersion": "2.1.6",
    "DeviceSerialNumber": "000301496MR3T6MR",
    "EchoTime": 0.00292,
    "FlipAngle": 8,
    "ImageOrientationPatientDICOM": [
      0,
      1,
      0,
      0,
      0,
      -1
    ],
    "ImageType": [
      "ORIGINAL",
      "PRIMARY",
      "OTHER"
    ],
    "ImagingFrequency": 127.696,
    "InPlanePhaseEncodingDirectionDICOM": "ROW",
    "InstitutionName": "NIH FMRIF",
    "InversionTime": 1.06,
    "MRAcquisitionType": "3D",
    "MagneticFieldStrength": 3,
    "Manufacturer": "GE",
    "ManufacturersModelName": "DISCOVERY MR750",
    "Modality": "MR",
    "ParallelReductionFactorInPlane": 2,
    "ParallelReductionOutOfPlane": 2,
    "PatientPosition": "HFS",
    "PercentPhaseFOV": 100,
    "PercentSampling": 100,
    "PixelBandwidth": 244.141,
    "ProcedureStepDescription": "MRI Brain",
    "ProtocolName": "ADNI3 FMRIF Enhanced Pro",
    "ReconMatrixPE": 256,
    "RepetitionTime": 0.006952,
    "SAR": 0.124453,
    "ScanOptions": "EDR_GEMS\\PROMO_GEMS\\ACC_GEMS\\IR_GEMS",
    "ScanningSequence": "RM",
    "SequenceVariant": "NONE",
    "SeriesDescription": "ORIG Anat T1w MP-RAGE 1mm (ABCD)",
    "SeriesNumber": 40003,
    "SliceThickness": 1,
    "SoftwareVersions": "27\\LX\\MR Software release:DV26.0_R03_1831.b",
    "SpacingBetweenSlices": 1,
    "StationName": "FMRI3tb",
    "acq_id": "MPRAGE",
    "dataset": "ds004215",
    "modality": "T1w",
    "session_id": "01",
    "subject_id": "ON39384"
  },
  "cjv": 0.3739773469768077,
  "cnr": 3.6024167950737707,
  "efc": 0.42670836914435767,
  "fber": 5321.25060693868,
  "fwhm_avg": 3.821196666666667,
  "fwhm_x": 3.74512,
  "fwhm_y": 3.95358,
  "fwhm_z": 3.76489,
  "icvs_csf": 0.2595912049298562,
  "icvs_gm": 0.4070245847722007,
  "icvs_wm": 0.3333842102979431,
  "inu_med": 0.8623369336128235,
  "inu_range": 0.43695195615291604,
  "provenance": {
    "md5sum": "42b50d823ff18d07ab8e5726b43ecc24",
    "settings": {
      "testing": false
    },
    "software": "mriqc",
    "version": "22.0.6",
    "warnings": {
      "large_rot_frame": true,
      "small_air_mask": false
    },
    "webapi_port": null,
    "webapi_url": "https://mriqc.nimh.nih.gov/api/v1"
  },
  "qi_1": 0.0,
  "qi_2": 0.0013396632178232126,
  "rpve_csf": 25.6155801737809,
  "rpve_gm": 15.747649371491578,
  "rpve_wm": 22.396858035181946,
  "size_x": 208,
  "size_y": 256,
  "size_z": 256,
  "snr_csf": 1.119356034919844,
  "snr_gm": 7.609956375791969,
  "snr_total": 8.7867460325767,
  "snr_wm": 17.630925687018284,
  "snrd_csf": 6.207492539510191,
  "snrd_gm": 32.27089204152048,
  "snrd_total": 29.790584747027243,
  "snrd_wm": 50.89336966005106,
  "spacing_x": 1.0,
  "spacing_y": 1.0,
  "spacing_z": 1.0,
  "summary_bg_k": 1.4355353314067942,
  "summary_bg_mad": 12.873211462671486,
  "summary_bg_mean": 13.536201923159684,
  "summary_bg_median": 8.682849183678627,
  "summary_bg_n": 3690670.0,
  "summary_bg_p05": 0.0,
  "summary_bg_p95": 37.26074845343828,
  "summary_bg_stdv": 12.561924843349374,
  "summary_csf_k": 0.6749775529904278,
  "summary_csf_mad": 87.25798552306456,
  "summary_csf_mean": 155.4202766394646,
  "summary_csf_median": 121.97515527158976,
  "summary_csf_n": 51629.0,
  "summary_csf_p05": 33.78760877996683,
  "summary_csf_p95": 380.7316112488507,
  "summary_csf_stdv": 108.96798712368117,
  "summary_gm_k": -0.02153386261955781,
  "summary_gm_mad": 82.89228772268032,
  "summary_gm_mean": 632.4063774499405,
  "summary_gm_median": 634.1122510358691,
  "summary_gm_n": 22634.0,
  "summary_gm_p05": 493.85214792899785,
  "summary_gm_p95": 768.1678921282291,
  "summary_gm_stdv": 83.32481969805895,
  "summary_wm_k": 0.5535562110863066,
  "summary_wm_mad": 53.955547173979625,
  "summary_wm_mean": 999.0543556850619,
  "summary_wm_median": 1000.0377168506384,
  "summary_wm_n": 186800.0,
  "summary_wm_p05": 904.5263758301735,
  "summary_wm_p95": 1089.3578088879585,
  "summary_wm_stdv": 56.72050678671407,
  "tpm_overlap_csf": 0.14538012047846532,
  "tpm_overlap_gm": 0.4664593744485351,
  "tpm_overlap_wm": 0.5115623959964886,
  "wm2max": 0.47505469674688855
}