{
  "aor": 0.0014308040201005028,
  "aqi": 0.002938220050251256,
  "bids_meta": {
    "AcquisitionMatrixPE": 64,
    "AcquisitionNumber": 1,
    "AcquisitionTime": "11:43:5.000000",
    "BodyPartExamined": "BRAIN",
    "CoilString": "32Ch Head",
    "ConversionSoftware": "dcm2niix",
    "ConversionSoftwareVersion": "v1.0.20211006",
    "Dcm2bidsVersion": "2.1.6",
    "DeviceSerialNumber": "000301496mr3T5mr",
    "EchoTime": 0.0169,
    "EffectiveEchoSpacing": 0.000416,
    "FlipAngle": 90,
    "ImageOrientationPatientDICOM": [
      1,
      0,
      0,
      0,
      1,
      0
    ],
    "ImageType": [
      "ORIGINAL",
      "PRIMARY",
      "OTHER"
    ],
    "ImagingFrequency": 127.824,
    "InPlanePhaseEncodingDirectionDICOM": "COL",
    "InstitutionName": "NIH FMRIF",
    "InternalPulseSequenceName": "EPI",
    "MRAcquisitionType": "2D",
    "MagneticFieldStrength": 3,
    "Manufacturer": "GE",
    "ManufacturersModelName": "DISCOVERY MR750",
    "Modality": "MR",
    "PatientPosition": "HFS",
    "PercentPhaseFOV": 100,
    "PercentSampling": 100,
    "PhaseEncodingDirection": "j",
    "PhaseEncodingPolarityGE": "Flipped",
    "PixelBandwidth": 7812.5,
    "ProcedureStepDescription": "MRI Brain",
    "ProtocolName": "ADNI3 FMRIF Enhanced Pro",
    "PulseSequenceName": "epi",
    "ReconMatrixPE": 64,
    "RepetitionTime": 3,
    "SAR": 0.149784,
    "ScanOptions": "MP_GEMS\\EPI_GEMS\\PFF",
    "ScanningSequence": "EP\\GR",
    "SequenceVariant": "SS",
    "SeriesDescription": "Axial rsfMRI with Eyes Open - RKV",
    "SeriesNumber": 10,
    "SliceThickness": 3.4,
    "SliceTiming": [
      0,
      1.5,
      0.0625,
      1.5625,
      0.125,
      1.625,
      0.1875,
      1.6875,
      0.25,
      1.75,
      0.3125,
      1.8125,
      0.375,
      1.875,
      0.4375,
      1.9375,
      0.5,
      2,
      0.5625,
      2.0625,
      0.625,
      2.125,
      0.6875,
      2.1875,
      0.75,
      2.25,
      0.8125,
      2.3125,
      0.875,
      2.375,
      0.9375,
      2.4375,
      1,
      2.5,
      1.0625,
      2.5625,
      1.125,
      2.625,
      1.1875,
      2.6875,
      1.25,
      2.75,
      1.3125,
      2.8125,
      1.375,
      2.875,
      1.4375,
      2.9375
    ],
    "SoftwareVersions": "27\\LX\\MR Software release:DV26.0_R03_1831.b",
    "SpacingBetweenSlices": 3.4,
    "StationName": "FMRI3ta",
    "TaskName": "Resting state with eyes open.",
    "TotalReadoutTime": 0.026208,
    "TriggerDelayTime": 599938,
    "dataset": "ds004215",
    "modality": "bold",
    "session_id": "01",
    "subject_id": "ON63704",
    "task_id": "rest"
  },
  "dummy_trs": 1,
  "dvars_nstd": 13.534141603131312,
  "dvars_std": 1.1821625125757573,
  "dvars_vstd": 0.9382782875757576,
  "efc": 0.4637327438001472,
  "fber": 4882.63134765625,
  "fd_mean": 0.12206701076922635,
  "fd_num": 27,
  "fd_perc": 13.5678391959799,
  "fwhm_avg": 2.825243419678049,
  "fwhm_x": 2.762961454545455,
  "fwhm_y": 2.6437701818181822,
  "fwhm_z": 3.0689986226705113,
  "gcor": 0.0403924,
  "gsr_x": -0.02293199673295021,
  "gsr_y": 0.06773611903190613,
  "provenance": {
    "md5sum": "c8835fdaa15478a6d42027fb8b5ac43b",
    "settings": {
      "fd_thres": 0.2,
      "testing": false
    },
    "software": "mriqc",
    "version": "22.0.6",
    "webapi_port": null,
    "webapi_url": "https://mriqc.nimh.nih.gov/api/v1"
  },
  "size_t": 199,
  "size_x": 64,
  "size_y": 64,
  "size_z": 48,
  "snr": 4.015593574001014,
  "spacing_tr": 3.0,
  "spacing_x": 3.4375,
  "spacing_y": 3.4375,
  "spacing_z": 3.4000015258789062,
  "summary_bg_k": 35.63774543715518,
  "summary_bg_mad": 10.594276592361403,
  "summary_bg_mean": 131.82872009277344,
  "summary_bg_median": 33.6331672668457,
  "summary_bg_n": 133558.0,
  "summary_bg_p05": 22.793970108032227,
  "summary_bg_p95": 688.402249145507,
  "summary_bg_stdv": 266.25616455078125,
  "summary_fg_k": 2.9153795291829088,
  "summary_fg_mad": 480.95167133665734,
  "summary_fg_mean": 2445.820556640625,
  "summary_fg_median": 2338.477294921875,
  "summary_fg_n": 26859.0,
  "summary_fg_p05": 1681.139697265625,
  "summary_fg_p95": 3513.2054443359366,
  "summary_fg_stdv": 582.3382568359375,
  "tsnr": 98.23707811767235
}