{
  "aor": 0.03060111111111111,
  "aqi": 0.0013463834444444444,
  "bids_meta": {
    "AcquisitionMatrixPE": 64,
    "AcquisitionNumber": 1,
    "AcquisitionTime": "15:31:5.000000",
    "BodyPartExamined": "BRAIN",
    "CoilString": "32Ch Head",
    "ConversionSoftware": "dcm2niix",
    "ConversionSoftwareVersion": "v1.0.20211006",
    "Dcm2bidsVersion": "2.1.6",
    "DeviceSerialNumber": "000301496MR3T6MR",
    "EchoTime": 0.0169,
    "EffectiveEchoSpacing": 0.000416,
    "FlipAngle": 90,
    "ImageOrientationPatientDICOM": [
      1,
      0,
      0,
      0,
      1,
      0
    ],
    "ImageType": [
      "ORIGINAL",
      "PRIMARY",
      "OTHER"
    ],
    "ImagingFrequency": 127.697,
    "InPlanePhaseEncodingDirectionDICOM": "COL",
    "InstitutionName": "NIH FMRIF",
    "InternalPulseSequenceName": "EPI",
    "MRAcquisitionType": "2D",
    "MagneticFieldStrength": 3,
    "Manufacturer": "GE",
    "ManufacturersModelName": "DISCOVERY MR750",
    "Modality": "MR",
    "PatientPosition": "HFS",
    "PercentPhaseFOV": 100,
    "PercentSampling": 100,
    "PhaseEncodingDirection": "j-",
    "PhaseEncodingPolarityGE": "Unflipped",
    "PixelBandwidth": 7812.5,
    "ProcedureStepDescription": "MRI Brain",
    "ProtocolName": "ADNI3 FMRIF Enhanced Pro",
    "PulseSequenceName": "epi",
    "ReconMatrixPE": 64,
    "RepetitionTime": 3,
    "SAR": 0.168985,
    "ScanOptions": "MP_GEMS\\EPI_GEMS\\PFF",
    "ScanningSequence": "EP\\GR",
    "SequenceVariant": "SS",
    "SeriesDescription": "Axial rsfMRI reverse blip - RKV",
    "SeriesNumber": 12,
    "SliceThickness": 3.4,
    "SliceTiming": [
      0,
      1.5,
      0.0625,
      1.5625,
      0.125,
      1.625,
      0.1875,
      1.6875,
      0.25,
      1.75,
      0.3125,
      1.8125,
      0.375,
      1.875,
      0.4375,
      1.9375,
      0.5,
      2,
      0.5625,
      2.0625,
      0.625,
      2.125,
      0.6875,
      2.1875,
      0.75,
      2.25,
      0.8125,
      2.3125,
      0.875,
      2.375,
      0.9375,
      2.4375,
      1,
      2.5,
      1.0625,
      2.5625,
      1.125,
      2.625,
      1.1875,
      2.6875,
      1.25,
      2.75,
      1.3125,
      2.8125,
      1.375,
      2.875,
      1.4375,
      2.9375
    ],
    "SoftwareVersions": "27\\LX\\MR Software release:DV26.0_R01_1725.a",
    "SpacingBetweenSlices": 3.4,
    "StationName": "fmrif3tb",
    "TaskName": "Resting state with reverse blip.",
    "TotalReadoutTime": 0.026208,
    "TriggerDelayTime": 29938,
    "dataset": "ds004215",
    "modality": "bold",
    "session_id": "01",
    "subject_id": "ON08392",
    "task_id": "rest"
  },
  "dummy_trs": 1,
  "dvars_nstd": 14.58444154375,
  "dvars_std": 1.3926552975000002,
  "dvars_vstd": 1.2585502400000002,
  "efc": 0.47874269801784186,
  "fber": 4100.81591796875,
  "fd_mean": 0.06078343034274953,
  "fd_num": 0,
  "fd_perc": 0.0,
  "fwhm_avg": 2.445093510057774,
  "fwhm_x": 2.384962909090909,
  "fwhm_y": 2.294827636363636,
  "fwhm_z": 2.6554899847187783,
  "gcor": 0.0174955,
  "gsr_x": -0.016109157353639603,
  "gsr_y": 0.07279736548662186,
  "provenance": {
    "md5sum": "d112a2bf584559f095f2814ead2cfa84",
    "settings": {
      "fd_thres": 0.2,
      "testing": false
    },
    "software": "mriqc",
    "version": "22.0.6",
    "webapi_port": null,
    "webapi_url": "https://mriqc.nimh.nih.gov/api/v1"
  },
  "size_t": 9,
  "size_x": 64,
  "size_y": 64,
  "size_z": 48,
  "snr": 5.10945874579856,
  "spacing_tr": 3.0,
  "spacing_x": 3.4375,
  "spacing_y": 3.4375,
  "spacing_z": 3.4000015258789062,
  "summary_bg_k": 26.373646106805275,
  "summary_bg_mad": 14.167087551515827,
  "summary_bg_mean": 164.7021484375,
  "summary_bg_median": 37.11111068725586,
  "summary_bg_n": 135686.0,
  "summary_bg_p05": 25.11111068725586,
  "summary_bg_p95": 792.5555419921875,
  "summary_bg_stdv": 319.0116882324219,
  "summary_fg_k": 4.171292416657019,
  "summary_fg_mad": 391.98341245134077,
  "summary_fg_mean": 2360.53564453125,
  "summary_fg_median": 2312.5,
  "summary_fg_n": 25250.0,
  "summary_fg_p05": 1706.77783203125,
  "summary_fg_p95": 3083.516674804687,
  "summary_fg_stdv": 452.5830078125,
  "tsnr": 170.62696097418666
}