{
  "bids_meta": {
    "AcquisitionMatrixPE": 256,
    "AcquisitionNumber": 1,
    "AcquisitionTime": "14:01:33.000000",
    "BodyPartExamined": "BRAIN",
    "CoilString": "32Ch Head",
    "ConversionSoftware": "dcm2niix",
    "ConversionSoftwareVersion": "v1.0.20211006",
    "Dcm2bidsVersion": "2.1.6",
    "DeviceSerialNumber": "000301496MR3T6MR",
    "EchoTime": 0.003036,
    "FlipAngle": 11,
    "ImageOrientationPatientDICOM": [
      0,
      1,
      0,
      0,
      0,
      -1
    ],
    "ImageType": [
      "ORIGINAL",
      "PRIMARY",
      "OTHER"
    ],
    "ImagingFrequency": 127.697,
    "InPlanePhaseEncodingDirectionDICOM": "ROW",
    "InstitutionName": "NIH FMRIF",
    "InversionTime": 0.4,
    "MRAcquisitionType": "3D",
    "MagneticFieldStrength": 3,
    "Manufacturer": "GE",
    "ManufacturersModelName": "DISCOVERY MR750",
    "Modality": "MR",
    "ParallelReductionFactorInPlane": 1.72974,
    "PatientPosition": "HFS",
    "PercentPhaseFOV": 100,
    "PercentSampling": 100,
    "PixelBandwidth": 244.141,
    "ProcedureStepDescription": "MRI Brain",
    "ProtocolName": "ADNI3 Basic Human Protoc",
    "ReconMatrixPE": 256,
    "RepetitionTime": 0.007348,
    "SAR": 0.165185,
    "ScanOptions": "FAST_GEMS\\EDR_GEMS\\FILTERED_GEMS\\ACC_GEMS\\IR_GEMS",
    "ScanningSequence": "GR",
    "SequenceVariant": "SS\\SP\\SK",
    "SeriesDescription": "Accelerated Sagittal IR-FSPGR",
    "SeriesNumber": 3,
    "SliceThickness": 1.2,
    "SoftwareVersions": "27\\LX\\MR Software release:DV26.0_EB_1707.b",
    "SpacingBetweenSlices": 1.2,
    "SpoilingState": true,
    "StationName": "fmrif3tb",
    "acq_id": "FSPGR",
    "dataset": "ds004215",
    "modality": "T1w",
    "rec_id": "SCIC",
    "session_id": "01",
    "subject_id": "ON48555"
  },
  "cjv": 0.33322689406253425,
  "cnr": 4.023905976896738,
  "efc": 0.5344126363232722,
  "fber": -1.0,
  "fwhm_avg": 3.534279151309279,
  "fwhm_x": 3.278783338377224,
  "fwhm_y": 3.836560097537544,
  "fwhm_z": 3.487494018013069,
  "icvs_csf": 0.24549422112460936,
  "icvs_gm": 0.42991710710257397,
  "icvs_wm": 0.32458867177281664,
  "inu_med": 0.5177187919616699,
  "inu_range": 0.12513427138328548,
  "provenance": {
    "md5sum": "1cb51ac235035b3d0e9597e89fb9de17",
    "settings": {
      "testing": false
    },
    "software": "mriqc",
    "version": "22.0.6",
    "warnings": {
      "large_rot_frame": true,
      "small_air_mask": false
    },
    "webapi_port": null,
    "webapi_url": "https://mriqc.nimh.nih.gov/api/v1"
  },
  "qi_1": 0.0,
  "qi_2": 0.0062603616546525655,
  "rpve_csf": 32.817872539277836,
  "rpve_gm": 19.130914911845604,
  "rpve_wm": 29.492664233324188,
  "size_x": 196,
  "size_y": 256,
  "size_z": 256,
  "snr_csf": 1.720242569724915,
  "snr_gm": 10.616774737013978,
  "snr_total": 11.94683411209441,
  "snr_wm": 23.50348502954434,
  "snrd_csf": 11.77665418113104,
  "snrd_gm": 42.38632179711785,
  "snrd_total": 38.65504104497763,
  "snrd_wm": 61.80214715668399,
  "spacing_x": 1.1999969482421875,
  "spacing_y": 1.0547000169754028,
  "spacing_z": 1.0547000169754028,
  "summary_bg_k": 14.71945934883945,
  "summary_bg_mad": 0.0,
  "summary_bg_mean": 5.99212531830404,
  "summary_bg_median": 0.0,
  "summary_bg_n": 1148332.0,
  "summary_bg_p05": 0.0,
  "summary_bg_p95": 25.990727070719004,
  "summary_bg_stdv": 10.60013171062858,
  "summary_csf_k": 26.726935225891246,
  "summary_csf_mad": 84.89592230907937,
  "summary_csf_mean": 208.79954847974832,
  "summary_csf_median": 190.54670970886946,
  "summary_csf_n": 26066.0,
  "summary_csf_p05": 70.91922529041767,
  "summary_csf_p95": 412.14006378594786,
  "summary_csf_stdv": 110.76522459432239,
  "summary_gm_k": 0.06713802734025665,
  "summary_gm_mad": 63.8380361698079,
  "summary_gm_mean": 683.2427167222291,
  "summary_gm_median": 685.8122885227203,
  "summary_gm_n": 20567.0,
  "summary_gm_p05": 572.8480939529836,
  "summary_gm_p95": 784.8537143032999,
  "summary_gm_stdv": 64.59547580784488,
  "summary_wm_k": 0.3354803299708644,
  "summary_wm_mad": 40.84478875299021,
  "summary_wm_mean": 998.8918974321783,
  "summary_wm_median": 999.9610765948892,
  "summary_wm_n": 123864.0,
  "summary_wm_p05": 927.2493873685598,
  "summary_wm_p95": 1066.9446745477617,
  "summary_wm_stdv": 42.545054012266746,
  "tpm_overlap_csf": 0.16879516291217717,
  "tpm_overlap_gm": 0.46983251685363664,
  "tpm_overlap_wm": 0.522466573231278,
  "wm2max": 0.4297234783337479
}