{
  "aor": 0.03319555555555556,
  "aqi": 0.0021913433333333333,
  "bids_meta": {
    "AcquisitionMatrixPE": 64,
    "AcquisitionNumber": 1,
    "AcquisitionTime": "11:40:44.000000",
    "BodyPartExamined": "BRAIN",
    "CoilString": "32Ch Head",
    "ConversionSoftware": "dcm2niix",
    "ConversionSoftwareVersion": "v1.0.20211006",
    "Dcm2bidsVersion": "2.1.6",
    "DeviceSerialNumber": "000301496mr3T5mr",
    "EchoTime": 0.0169,
    "EffectiveEchoSpacing": 0.000416,
    "FlipAngle": 90,
    "ImageOrientationPatientDICOM": [
      1,
      0,
      0,
      0,
      1,
      0
    ],
    "ImageType": [
      "ORIGINAL",
      "PRIMARY",
      "OTHER"
    ],
    "ImagingFrequency": 127.824,
    "InPlanePhaseEncodingDirectionDICOM": "COL",
    "InstitutionName": "NIH FMRIF",
    "InternalPulseSequenceName": "EPI",
    "MRAcquisitionType": "2D",
    "MagneticFieldStrength": 3,
    "Manufacturer": "GE",
    "ManufacturersModelName": "DISCOVERY MR750",
    "Modality": "MR",
    "PatientPosition": "HFS",
    "PercentPhaseFOV": 100,
    "PercentSampling": 100,
    "PhaseEncodingDirection": "j-",
    "PhaseEncodingPolarityGE": "Unflipped",
    "PixelBandwidth": 7812.5,
    "ProcedureStepDescription": "MRI Brain",
    "ProtocolName": "ADNI3 FMRIF Enhanced Pro",
    "PulseSequenceName": "epi",
    "ReconMatrixPE": 64,
    "RepetitionTime": 3,
    "SAR": 0.199191,
    "ScanOptions": "MP_GEMS\\EPI_GEMS\\PFF",
    "ScanningSequence": "EP\\GR",
    "SequenceVariant": "SS",
    "SeriesDescription": "Axial rsfMRI reverse blip - RKV",
    "SeriesNumber": 11,
    "SliceThickness": 3.4,
    "SliceTiming": [
      0,
      1.5,
      0.0625,
      1.5625,
      0.125,
      1.625,
      0.1875,
      1.6875,
      0.25,
      1.75,
      0.3125,
      1.8125,
      0.375,
      1.875,
      0.4375,
      1.9375,
      0.5,
      2,
      0.5625,
      2.0625,
      0.625,
      2.125,
      0.6875,
      2.1875,
      0.75,
      2.25,
      0.8125,
      2.3125,
      0.875,
      2.375,
      0.9375,
      2.4375,
      1,
      2.5,
      1.0625,
      2.5625,
      1.125,
      2.625,
      1.1875,
      2.6875,
      1.25,
      2.75,
      1.3125,
      2.8125,
      1.375,
      2.875,
      1.4375,
      2.9375
    ],
    "SoftwareVersions": "27\\LX\\MR Software release:DV26.0_R03_1831.b",
    "SpacingBetweenSlices": 3.4,
    "StationName": "FMRI3ta",
    "TaskName": "Resting state with reverse blip.",
    "TotalReadoutTime": 0.026208,
    "TriggerDelayTime": 29938,
    "dataset": "ds004215",
    "modality": "bold",
    "session_id": "01",
    "subject_id": "ON70467",
    "task_id": "rest"
  },
  "dummy_trs": 1,
  "dvars_nstd": 20.427791715,
  "dvars_std": 1.4851403975,
  "dvars_vstd": 1.2470527574999999,
  "efc": 0.49499873112965387,
  "fber": 3820.969482421875,
  "fd_mean": 0.12904440283251867,
  "fd_num": 2,
  "fd_perc": 22.22222222222222,
  "fwhm_avg": 3.0727281455424538,
  "fwhm_x": 2.9956363636363634,
  "fwhm_y": 3.0361599999999997,
  "fwhm_z": 3.1863880729909972,
  "gcor": 0.0894619,
  "gsr_x": -0.004312198143452406,
  "gsr_y": 0.062231119722127914,
  "provenance": {
    "md5sum": "54ddbce92919c678a5e80a6fc6704056",
    "settings": {
      "fd_thres": 0.2,
      "testing": false
    },
    "software": "mriqc",
    "version": "22.0.6",
    "webapi_port": null,
    "webapi_url": "https://mriqc.nimh.nih.gov/api/v1"
  },
  "size_t": 9,
  "size_x": 64,
  "size_y": 64,
  "size_z": 48,
  "snr": 3.5992919420712215,
  "spacing_tr": 3.0,
  "spacing_x": 3.4375,
  "spacing_y": 3.4375,
  "spacing_z": 3.399993896484375,
  "summary_bg_k": 12.732696301478795,
  "summary_bg_mad": 15.320221039331678,
  "summary_bg_mean": 168.45394897460938,
  "summary_bg_median": 38.33333206176758,
  "summary_bg_n": 127835.0,
  "summary_bg_p05": 24.66666603088379,
  "summary_bg_p95": 896.0666687011693,
  "summary_bg_stdv": 319.90069580078125,
  "summary_fg_k": 1.075267401302316,
  "summary_fg_mad": 539.9965942593888,
  "summary_fg_mean": 2516.808837890625,
  "summary_fg_median": 2395.0,
  "summary_fg_n": 28636.0,
  "summary_fg_p05": 1580.3611145019531,
  "summary_fg_p95": 3820.9722290039062,
  "summary_fg_stdv": 665.3970336914062,
  "tsnr": 129.40813679620624
}