{
  "aor": 0.001242626262626263,
  "aqi": 0.0022426194393939396,
  "bids_meta": {
    "AcquisitionMatrixPE": 64,
    "AcquisitionNumber": 1,
    "AcquisitionTime": "11:29:50.000000",
    "BodyPartExamined": "BRAIN",
    "CoilString": "32Ch Head",
    "ConversionSoftware": "dcm2niix",
    "ConversionSoftwareVersion": "v1.0.20211006",
    "Dcm2bidsVersion": "2.1.6",
    "DeviceSerialNumber": "000301496mr3T5mr",
    "EchoTime": 0.0169,
    "EffectiveEchoSpacing": 0.000416,
    "FlipAngle": 90,
    "ImageOrientationPatientDICOM": [
      1,
      0,
      0,
      0,
      1,
      0
    ],
    "ImageType": [
      "ORIGINAL",
      "PRIMARY",
      "OTHER"
    ],
    "ImagingFrequency": 127.824,
    "InPlanePhaseEncodingDirectionDICOM": "COL",
    "InstitutionName": "NIH FMRIF",
    "InternalPulseSequenceName": "EPI",
    "MRAcquisitionType": "2D",
    "MagneticFieldStrength": 3,
    "Manufacturer": "GE",
    "ManufacturersModelName": "DISCOVERY MR750",
    "Modality": "MR",
    "PatientPosition": "HFS",
    "PercentPhaseFOV": 100,
    "PercentSampling": 100,
    "PhaseEncodingDirection": "j",
    "PhaseEncodingPolarityGE": "Flipped",
    "PixelBandwidth": 7812.5,
    "ProcedureStepDescription": "MRI Brain",
    "ProtocolName": "ADNI3 FMRIF Enhanced Pro",
    "PulseSequenceName": "epi",
    "ReconMatrixPE": 64,
    "RepetitionTime": 3,
    "SAR": 0.198514,
    "ScanOptions": "MP_GEMS\\EPI_GEMS\\PFF",
    "ScanningSequence": "EP\\GR",
    "SequenceVariant": "SS",
    "SeriesDescription": "Axial rsfMRI with Eyes Open - RKV",
    "SeriesNumber": 10,
    "SliceThickness": 3.4,
    "SliceTiming": [
      0,
      1.5,
      0.0625,
      1.5625,
      0.125,
      1.625,
      0.1875,
      1.6875,
      0.25,
      1.75,
      0.3125,
      1.8125,
      0.375,
      1.875,
      0.4375,
      1.9375,
      0.5,
      2,
      0.5625,
      2.0625,
      0.625,
      2.125,
      0.6875,
      2.1875,
      0.75,
      2.25,
      0.8125,
      2.3125,
      0.875,
      2.375,
      0.9375,
      2.4375,
      1,
      2.5,
      1.0625,
      2.5625,
      1.125,
      2.625,
      1.1875,
      2.6875,
      1.25,
      2.75,
      1.3125,
      2.8125,
      1.375,
      2.875,
      1.4375,
      2.9375
    ],
    "SoftwareVersions": "27\\LX\\MR Software release:DV26.0_R03_1831.b",
    "SpacingBetweenSlices": 3.4,
    "StationName": "FMRI3ta",
    "TaskName": "Resting state with eyes open.",
    "TotalReadoutTime": 0.026208,
    "TriggerDelayTime": 599938,
    "dataset": "ds004215",
    "modality": "bold",
    "session_id": "01",
    "subject_id": "ON70467",
    "task_id": "rest"
  },
  "dummy_trs": 2,
  "dvars_nstd": 14.301398548477147,
  "dvars_std": 1.3818832706091368,
  "dvars_vstd": 0.9885044453299494,
  "efc": 0.484747818047792,
  "fber": 3780.494384765625,
  "fd_mean": 0.07086598339227777,
  "fd_num": 3,
  "fd_perc": 1.5151515151515151,
  "fwhm_avg": 2.954896857161431,
  "fwhm_x": 2.931549090909091,
  "fwhm_y": 2.6418414545454545,
  "fwhm_z": 3.291300026029746,
  "gcor": 0.0917964,
  "gsr_x": -0.010332455858588219,
  "gsr_y": 0.06150556728243828,
  "provenance": {
    "md5sum": "601a4994bc269e97d73f7a55f7d3dde3",
    "settings": {
      "fd_thres": 0.2,
      "testing": false
    },
    "software": "mriqc",
    "version": "22.0.6",
    "webapi_port": null,
    "webapi_url": "https://mriqc.nimh.nih.gov/api/v1"
  },
  "size_t": 198,
  "size_x": 64,
  "size_y": 64,
  "size_z": 48,
  "snr": 3.1663457565775865,
  "spacing_tr": 3.0,
  "spacing_x": 3.4375,
  "spacing_y": 3.4375,
  "spacing_z": 3.399993896484375,
  "summary_bg_k": 13.276971816150745,
  "summary_bg_mad": 17.274563412277406,
  "summary_bg_mean": 183.8265838623047,
  "summary_bg_median": 39.78282928466797,
  "summary_bg_n": 131759.0,
  "summary_bg_p05": 24.494949340820312,
  "summary_bg_p95": 950.2944641113276,
  "summary_bg_stdv": 341.79095458984375,
  "summary_fg_k": 3.273152731677884,
  "summary_fg_mad": 567.4848212314963,
  "summary_fg_mean": 2580.933837890625,
  "summary_fg_median": 2415.035400390625,
  "summary_fg_n": 27485.0,
  "summary_fg_p05": 1644.1625732421876,
  "summary_fg_p95": 4064.0525390625,
  "summary_fg_stdv": 762.7061767578125,
  "tsnr": 109.51158350449987
}