{
  "bids_meta": {
    "AcquisitionMatrixPE": 256,
    "AcquisitionNumber": 1,
    "AcquisitionTime": "15:19:18.000000",
    "BodyPartExamined": "BRAIN",
    "CoilString": "32Ch Head",
    "ConversionSoftware": "dcm2niix",
    "ConversionSoftwareVersion": "v1.0.20211006",
    "Dcm2bidsVersion": "2.1.6",
    "DeviceSerialNumber": "000301496MR3T6MR",
    "EchoTime": 0.060243,
    "EchoTrainLength": 140,
    "FlipAngle": 90,
    "ImageOrientationPatientDICOM": [
      0,
      1,
      0,
      0,
      0,
      -1
    ],
    "ImageType": [
      "ORIGINAL",
      "PRIMARY",
      "OTHER"
    ],
    "ImagingFrequency": 127.697,
    "InPlanePhaseEncodingDirectionDICOM": "ROW",
    "InstitutionName": "NIH FMRIF",
    "MRAcquisitionType": "3D",
    "MagneticFieldStrength": 3,
    "Manufacturer": "GE",
    "ManufacturersModelName": "DISCOVERY MR750",
    "Modality": "MR",
    "ParallelReductionFactorInPlane": 2,
    "ParallelReductionOutOfPlane": 1.5,
    "PatientPosition": "HFS",
    "PercentPhaseFOV": 100,
    "PercentSampling": 100,
    "PhaseEncodingAxis": "i",
    "PixelBandwidth": 244.141,
    "ProcedureStepDescription": "MRI Brain",
    "ProtocolName": "ADNI3 FMRIF Enhanced Pro",
    "ReconMatrixPE": 256,
    "RepetitionTime": 3.202,
    "SAR": 0.528,
    "ScanOptions": "SAT_GEMS\\EDR_GEMS\\PROMO_GEMS\\ACC_GEMS\\FS\\FR_GEMS",
    "ScanningSequence": "RM",
    "SequenceVariant": "NONE",
    "SeriesDescription": "Sag_CUBE_T2",
    "SeriesNumber": 4,
    "SliceThickness": 1,
    "SoftwareVersions": "27\\LX\\MR Software release:DV26.0_R01_1725.a",
    "SpacingBetweenSlices": 1,
    "StationName": "fmrif3tb",
    "acq_id": "CUBE",
    "dataset": "ds004215",
    "modality": "T2w",
    "session_id": "01",
    "subject_id": "ON23897"
  },
  "cjv": 0.7005399710369105,
  "cnr": 1.291753253009152,
  "efc": 0.450161440454375,
  "fber": 5140.2986767988095,
  "fwhm_avg": 2.418903333333333,
  "fwhm_x": 2.02157,
  "fwhm_y": 2.64646,
  "fwhm_z": 2.58868,
  "icvs_csf": 0.31938040228718884,
  "icvs_gm": 0.19789545340366474,
  "icvs_wm": 0.4827241443091464,
  "inu_med": 0.9145801663398743,
  "inu_range": 0.6408790349960327,
  "provenance": {
    "md5sum": "ba781bfdc4453722d23b0ad1e7acf40c",
    "settings": {
      "testing": false
    },
    "software": "mriqc",
    "version": "22.0.6",
    "warnings": {
      "large_rot_frame": true,
      "small_air_mask": false
    },
    "webapi_port": null,
    "webapi_url": "https://mriqc.nimh.nih.gov/api/v1"
  },
  "qi_1": 0.0,
  "qi_2": 0.012165046577185647,
  "rpve_csf": 15.526728207637841,
  "rpve_gm": 30.067603618406203,
  "rpve_wm": 12.169048741675017,
  "size_x": 204,
  "size_y": 256,
  "size_z": 256,
  "snr_csf": 12.325676367648594,
  "snr_gm": 2.119963778626705,
  "snr_total": 8.91942962611665,
  "snr_wm": 12.31264873207465,
  "snrd_csf": 61.35984377232083,
  "snrd_gm": 111.4929188751753,
  "snrd_total": 72.08384802660596,
  "snrd_wm": 43.39878143232178,
  "spacing_x": 1.0,
  "spacing_y": 1.0,
  "spacing_z": 1.0,
  "summary_bg_k": 2.6063625612018404,
  "summary_bg_mad": 15.095732551409974,
  "summary_bg_mean": 14.286355430513328,
  "summary_bg_median": 10.181916877627373,
  "summary_bg_n": 4025903.0,
  "summary_bg_p05": 0.0,
  "summary_bg_p95": 46.29378207027912,
  "summary_bg_stdv": 16.795093631201226,
  "summary_csf_k": 0.3015626439482726,
  "summary_csf_mad": 112.21161196548081,
  "summary_csf_mean": 1416.8158019537689,
  "summary_csf_median": 1413.860977627337,
  "summary_csf_n": 23743.0,
  "summary_csf_p05": 1235.4127024300396,
  "summary_csf_p95": 1609.9511208012698,
  "summary_csf_stdv": 114.70617602413208,
  "summary_gm_k": -0.9870071480921361,
  "summary_gm_mad": 1018.3581179181168,
  "summary_gm_mean": 2190.5779592695217,
  "summary_gm_median": 2569.033387117088,
  "summary_gm_n": 63858.0,
  "summary_gm_p05": 84.97488428838554,
  "summary_gm_p95": 3661.8347677867855,
  "summary_gm_stdv": 1211.8194177348525,
  "summary_wm_k": 0.12073966775876954,
  "summary_wm_mad": 80.81248825854806,
  "summary_wm_mean": 1000.9625482806547,
  "summary_wm_median": 999.9999962747097,
  "summary_wm_n": 210813.0,
  "summary_wm_p05": 869.5357013493776,
  "summary_wm_p95": 1135.0122140720487,
  "summary_wm_stdv": 81.2171000945275,
  "tpm_overlap_csf": 0.1055087759600011,
  "tpm_overlap_gm": 0.12039731971003709,
  "tpm_overlap_wm": 0.46383871706066415,
  "wm2max": 0.2776060902992387
}