{
  "bids_meta": {
    "AcquisitionMatrixPE": 256,
    "AcquisitionNumber": 1,
    "AcquisitionTime": "16:17:24.000000",
    "BodyPartExamined": "BRAIN",
    "CoilString": "32Ch Head",
    "ConversionSoftware": "dcm2niix",
    "ConversionSoftwareVersion": "v1.0.20211006",
    "Dcm2bidsVersion": "2.1.6",
    "DeviceSerialNumber": "000301496MR3T6MR",
    "EchoTime": 0.003036,
    "FlipAngle": 11,
    "ImageOrientationPatientDICOM": [
      0,
      1,
      0,
      0,
      0,
      -1
    ],
    "ImageType": [
      "ORIGINAL",
      "PRIMARY",
      "OTHER"
    ],
    "ImagingFrequency": 127.697,
    "InPlanePhaseEncodingDirectionDICOM": "ROW",
    "InstitutionName": "NIH FMRIF",
    "InversionTime": 0.4,
    "MRAcquisitionType": "3D",
    "MagneticFieldStrength": 3,
    "Manufacturer": "GE",
    "ManufacturersModelName": "DISCOVERY MR750",
    "Modality": "MR",
    "ParallelReductionFactorInPlane": 1.72974,
    "PatientPosition": "HFS",
    "PercentPhaseFOV": 100,
    "PercentSampling": 100,
    "PixelBandwidth": 244.141,
    "ProcedureStepDescription": "MRI Brain",
    "ProtocolName": "ADNI3 FMRIF Enhanced Pro",
    "ReconMatrixPE": 256,
    "RepetitionTime": 0.007348,
    "SAR": 0.176674,
    "ScanOptions": "FAST_GEMS\\EDR_GEMS\\FILTERED_GEMS\\ACC_GEMS\\IR_GEMS",
    "ScanningSequence": "GR",
    "SequenceVariant": "SS\\SP\\SK",
    "SeriesDescription": "Accelerated Sagittal IR-FSPGR",
    "SeriesNumber": 3,
    "SliceThickness": 1.2,
    "SoftwareVersions": "27\\LX\\MR Software release:DV26.0_R01_1725.a",
    "SpacingBetweenSlices": 1.2,
    "SpoilingState": true,
    "StationName": "fmrif3tb",
    "acq_id": "FSPGR",
    "dataset": "ds004215",
    "modality": "T1w",
    "rec_id": "SCIC",
    "session_id": "01",
    "subject_id": "ON40757"
  },
  "cjv": 0.31300498956710876,
  "cnr": 4.226094093577935,
  "efc": 0.5305987715055224,
  "fber": 23706.300204600408,
  "fwhm_avg": 3.6625608088941717,
  "fwhm_x": 3.4807421853184644,
  "fwhm_y": 3.9270692456019884,
  "fwhm_z": 3.5798709957620627,
  "icvs_csf": 0.2563287303865779,
  "icvs_gm": 0.4169196978398735,
  "icvs_wm": 0.3267515717735487,
  "inu_med": 0.418337881565094,
  "inu_range": 0.06516999155282971,
  "provenance": {
    "md5sum": "1e2cacde848351ef0930e226f27c5319",
    "settings": {
      "testing": false
    },
    "software": "mriqc",
    "version": "22.0.6",
    "warnings": {
      "large_rot_frame": true,
      "small_air_mask": false
    },
    "webapi_port": null,
    "webapi_url": "https://mriqc.nimh.nih.gov/api/v1"
  },
  "qi_1": 0.00023302054525346644,
  "qi_2": 0.003587553557231739,
  "rpve_csf": 33.11320994243255,
  "rpve_gm": 20.28135683947911,
  "rpve_wm": 30.799835340621037,
  "size_x": 196,
  "size_y": 256,
  "size_z": 256,
  "snr_csf": 1.9469068538076624,
  "snr_gm": 10.118623009214497,
  "snr_total": 13.052371643495974,
  "snr_wm": 27.091585067465765,
  "snrd_csf": 18.882546797189512,
  "snrd_gm": 61.95023383293285,
  "snrd_total": 57.51696535118217,
  "snrd_wm": 91.71811542342418,
  "spacing_x": 1.1999969482421875,
  "spacing_y": 1.0547000169754028,
  "spacing_z": 1.0547000169754028,
  "summary_bg_k": 14.978340360878267,
  "summary_bg_mad": 7.142933151248163,
  "summary_bg_mean": 5.674117288001656,
  "summary_bg_median": 4.817835196852684,
  "summary_bg_n": 1130490.0,
  "summary_bg_p05": 0.0,
  "summary_bg_p95": 22.45174179971218,
  "summary_bg_stdv": 8.936351945953554,
  "summary_csf_k": 0.49913806072822764,
  "summary_csf_mad": 103.17570107358458,
  "summary_csf_mean": 216.34426198664804,
  "summary_csf_median": 205.87585958838463,
  "summary_csf_n": 24095.0,
  "summary_csf_p05": 65.40290002524853,
  "summary_csf_p95": 414.1858280703425,
  "summary_csf_stdv": 105.74290545625637,
  "summary_gm_k": 0.13240626359906216,
  "summary_gm_mad": 66.48063272795676,
  "summary_gm_mean": 671.2321469715633,
  "summary_gm_median": 675.4416011273861,
  "summary_gm_n": 26280.0,
  "summary_gm_p05": 555.3735906332731,
  "summary_gm_p95": 773.4688028238713,
  "summary_gm_stdv": 66.75105392526784,
  "summary_wm_k": 0.3984810586325631,
  "summary_wm_mad": 35.10774986757267,
  "summary_wm_mean": 999.847483978405,
  "summary_wm_median": 999.9999499768019,
  "summary_wm_n": 123374.0,
  "summary_wm_p05": 938.7536136507988,
  "summary_wm_p95": 1060.1441671401262,
  "summary_wm_stdv": 36.91167920816612,
  "tpm_overlap_csf": 0.16064921297888066,
  "tpm_overlap_gm": 0.4777989836959978,
  "tpm_overlap_wm": 0.5305422437153252,
  "wm2max": 0.5574337370545901
}