{
  "bids_meta": {
    "AcquisitionMatrixPE": 256,
    "AcquisitionNumber": 1,
    "AcquisitionTime": "16:08:24.000000",
    "BodyPartExamined": "BRAIN",
    "CoilString": "32Ch Head",
    "ConversionSoftware": "dcm2niix",
    "ConversionSoftwareVersion": "v1.0.20211006",
    "Dcm2bidsVersion": "2.1.6",
    "DeviceSerialNumber": "000301496MR3T6MR",
    "EchoTime": 0.00292,
    "FlipAngle": 8,
    "ImageOrientationPatientDICOM": [
      0,
      1,
      0,
      0,
      0,
      -1
    ],
    "ImageType": [
      "ORIGINAL",
      "PRIMARY",
      "OTHER"
    ],
    "ImagingFrequency": 127.697,
    "InPlanePhaseEncodingDirectionDICOM": "ROW",
    "InstitutionName": "NIH FMRIF",
    "InversionTime": 1.06,
    "MRAcquisitionType": "3D",
    "MagneticFieldStrength": 3,
    "Manufacturer": "GE",
    "ManufacturersModelName": "DISCOVERY MR750",
    "Modality": "MR",
    "ParallelReductionFactorInPlane": 2,
    "ParallelReductionOutOfPlane": 2,
    "PatientPosition": "HFS",
    "PercentPhaseFOV": 100,
    "PercentSampling": 100,
    "PixelBandwidth": 244.141,
    "ProcedureStepDescription": "MRI Brain",
    "ProtocolName": "ADNI3 FMRIF Enhanced Pro",
    "ReconMatrixPE": 256,
    "RepetitionTime": 0.006952,
    "SAR": 0.0974,
    "ScanOptions": "EDR_GEMS\\PROMO_GEMS\\FILTERED_GEMS\\ACC_GEMS\\IR_GEMS",
    "ScanningSequence": "RM",
    "SequenceVariant": "NONE",
    "SeriesDescription": "Anat T1w MP-RAGE 1mm (ABCD)",
    "SeriesNumber": 3,
    "SliceThickness": 1,
    "SoftwareVersions": "27\\LX\\MR Software release:DV26.0_R01_1725.a",
    "SpacingBetweenSlices": 1,
    "StationName": "fmrif3tb",
    "acq_id": "MPRAGE",
    "dataset": "ds004215",
    "modality": "T1w",
    "rec_id": "SCIC",
    "session_id": "01",
    "subject_id": "ON89475"
  },
  "cjv": 0.342337183615876,
  "cnr": 3.886712091784749,
  "efc": 0.6308042440947281,
  "fber": 13185.178536417998,
  "fwhm_avg": 3.478626666666667,
  "fwhm_x": 3.482,
  "fwhm_y": 3.60807,
  "fwhm_z": 3.34581,
  "icvs_csf": 0.2723747941296231,
  "icvs_gm": 0.43023669942896575,
  "icvs_wm": 0.2973885064414112,
  "inu_med": 0.5212060809135437,
  "inu_range": 0.06515032947063448,
  "provenance": {
    "md5sum": "ebbd5ce91ab89d25d710e53a24f4dd34",
    "settings": {
      "testing": false
    },
    "software": "mriqc",
    "version": "22.0.6",
    "warnings": {
      "large_rot_frame": true,
      "small_air_mask": false
    },
    "webapi_port": null,
    "webapi_url": "https://mriqc.nimh.nih.gov/api/v1"
  },
  "qi_1": 0.0,
  "qi_2": 0.0020766876216115424,
  "rpve_csf": 26.001016525248186,
  "rpve_gm": 16.106851192401862,
  "rpve_wm": 26.025678558547497,
  "size_x": 208,
  "size_y": 256,
  "size_z": 256,
  "snr_csf": 1.5895782223613302,
  "snr_gm": 9.576725009431144,
  "snr_total": 10.073496254924494,
  "snr_wm": 19.054185532981013,
  "snrd_csf": 13.369355836990572,
  "snrd_gm": 56.31363840876449,
  "snrd_total": 51.67146761068603,
  "snrd_wm": 85.33140858630304,
  "spacing_x": 1.0,
  "spacing_y": 1.0,
  "spacing_z": 1.0,
  "summary_bg_k": 5.162182876739973,
  "summary_bg_mad": 7.677336678422351,
  "summary_bg_mean": 8.05077638251385,
  "summary_bg_median": 5.178284898400307,
  "summary_bg_n": 1021799.0,
  "summary_bg_p05": 0.0,
  "summary_bg_p95": 36.55756566859782,
  "summary_bg_stdv": 12.334056309632087,
  "summary_csf_k": 2.132846033134009,
  "summary_csf_mad": 68.13636302099836,
  "summary_csf_mean": 184.3576087430863,
  "summary_csf_median": 156.67126102931798,
  "summary_csf_n": 61337.0,
  "summary_csf_p05": 75.47913096472621,
  "summary_csf_p95": 396.96056602671734,
  "summary_csf_stdv": 98.56072616317145,
  "summary_gm_k": 0.2828907821956177,
  "summary_gm_mad": 66.00840557208781,
  "summary_gm_mean": 658.3358387245138,
  "summary_gm_median": 659.9217531662434,
  "summary_gm_n": 28016.0,
  "summary_gm_p05": 541.0604147510603,
  "summary_gm_p95": 768.2787718079053,
  "summary_gm_stdv": 68.90768763061433,
  "summary_wm_k": 0.3396070414718215,
  "summary_wm_mad": 50.40338428007717,
  "summary_wm_mean": 999.0850306987417,
  "summary_wm_median": 999.9718424454331,
  "summary_wm_n": 140946.0,
  "summary_wm_p05": 911.3007492735051,
  "summary_wm_p95": 1083.5561149902642,
  "summary_wm_stdv": 52.48024342737114,
  "tpm_overlap_csf": 0.14882660594305988,
  "tpm_overlap_gm": 0.46122189134419794,
  "tpm_overlap_wm": 0.4881509255576301,
  "wm2max": 0.599372490806653
}