{
  "bids_meta": {
    "AcquisitionMatrixPE": 256,
    "AcquisitionNumber": 1,
    "AcquisitionTime": "16:14:59.000000",
    "BodyPartExamined": "BRAIN",
    "CoilString": "32Ch Head",
    "ConversionSoftware": "dcm2niix",
    "ConversionSoftwareVersion": "v1.0.20211006",
    "Dcm2bidsVersion": "2.1.6",
    "DeviceSerialNumber": "000301496MR3T6MR",
    "EchoTime": 0.065685,
    "EchoTrainLength": 140,
    "FlipAngle": 90,
    "ImageOrientationPatientDICOM": [
      0,
      1,
      0,
      0,
      0,
      -1
    ],
    "ImageType": [
      "ORIGINAL",
      "PRIMARY",
      "OTHER"
    ],
    "ImagingFrequency": 127.697,
    "InPlanePhaseEncodingDirectionDICOM": "ROW",
    "InstitutionName": "NIH FMRIF",
    "MRAcquisitionType": "3D",
    "MagneticFieldStrength": 3,
    "Manufacturer": "GE",
    "ManufacturersModelName": "DISCOVERY MR750",
    "Modality": "MR",
    "ParallelReductionFactorInPlane": 2,
    "ParallelReductionOutOfPlane": 1.5,
    "PatientPosition": "HFS",
    "PercentPhaseFOV": 100,
    "PercentSampling": 100,
    "PhaseEncodingAxis": "i",
    "PixelBandwidth": 244.141,
    "ProcedureStepDescription": "MRI Brain",
    "ProtocolName": "ADNI3 FMRIF Enhanced Pro",
    "ReconMatrixPE": 256,
    "RepetitionTime": 3.202,
    "SAR": 0.4555,
    "ScanOptions": "SAT_GEMS\\EDR_GEMS\\PROMO_GEMS\\ACC_GEMS\\FS\\FR_GEMS",
    "ScanningSequence": "RM",
    "SequenceVariant": "NONE",
    "SeriesDescription": "ORIG Anat T2w CUBE (ABCD)",
    "SeriesNumber": 40004,
    "SliceThickness": 1,
    "SoftwareVersions": "27\\LX\\MR Software release:DV26.0_R01_1725.a",
    "SpacingBetweenSlices": 1,
    "StationName": "fmrif3tb",
    "acq_id": "CUBE",
    "dataset": "ds004215",
    "modality": "T2w",
    "session_id": "01",
    "subject_id": "ON89475"
  },
  "cjv": 0.2615503808933588,
  "cnr": 1.1511530777370682,
  "efc": 0.3574602055760943,
  "fber": -1.0,
  "fwhm_avg": 2.440796666666667,
  "fwhm_x": 2.11441,
  "fwhm_y": 2.61051,
  "fwhm_z": 2.59747,
  "icvs_csf": 0.2234786293200324,
  "icvs_gm": 0.704348386995985,
  "icvs_wm": 0.07217298368398259,
  "inu_med": 0.8698286414146423,
  "inu_range": 0.39730924367904663,
  "provenance": {
    "md5sum": "8ca9933d297c9c3d0ac07d8433613171",
    "settings": {
      "testing": false
    },
    "software": "mriqc",
    "version": "22.0.6",
    "warnings": {
      "large_rot_frame": true,
      "small_air_mask": false
    },
    "webapi_port": null,
    "webapi_url": "https://mriqc.nimh.nih.gov/api/v1"
  },
  "qi_1": 0.0,
  "qi_2": 0.02006930170670142,
  "rpve_csf": 27.593510476277427,
  "rpve_gm": 11.80155579461095,
  "rpve_wm": 97.28137499908927,
  "size_x": 204,
  "size_y": 256,
  "size_z": 256,
  "snr_csf": 5.815299824850305,
  "snr_gm": 9.351558170810648,
  "snr_total": 5.11895941072968,
  "snr_wm": 0.19002023652808575,
  "snrd_csf": 118.32923893485953,
  "snrd_gm": 48.64878600274925,
  "snrd_total": 57.93629921947734,
  "snrd_wm": 6.830872720823239,
  "spacing_x": 1.0,
  "spacing_y": 1.0,
  "spacing_z": 1.0,
  "summary_bg_k": 19.931500844983336,
  "summary_bg_mad": 0.0,
  "summary_bg_mean": 72.06193722803336,
  "summary_bg_median": 0.0,
  "summary_bg_n": 4070670.0,
  "summary_bg_p05": 0.0,
  "summary_bg_p95": 266.72384279966354,
  "summary_bg_stdv": 96.15491723954634,
  "summary_csf_k": 3.782709203888179,
  "summary_csf_mad": 1894.8953354479597,
  "summary_csf_mean": 17329.617380153497,
  "summary_csf_median": 17367.281342938542,
  "summary_csf_n": 40796.0,
  "summary_csf_p05": 11764.365378275514,
  "summary_csf_p95": 21857.204166144133,
  "summary_csf_stdv": 2986.444209156981,
  "summary_gm_k": -0.2371779372115541,
  "summary_gm_mad": 792.7980148644878,
  "summary_gm_mean": 7179.983249654863,
  "summary_gm_median": 7140.2230007350445,
  "summary_gm_n": 419918.0,
  "summary_gm_p05": 5995.2830324471,
  "summary_gm_p95": 8494.425405174494,
  "summary_gm_stdv": 763.5320626130106,
  "summary_wm_k": 11.161996314429915,
  "summary_wm_mad": 812.5067064930356,
  "summary_wm_mean": 2579.5788217860663,
  "summary_wm_median": 1002.572901070118,
  "summary_wm_n": 11639.0,
  "summary_wm_p05": 252.144082903862,
  "summary_wm_p95": 22201.3293813318,
  "summary_wm_stdv": 5275.910865685029,
  "tpm_overlap_csf": 0.14828707815446263,
  "tpm_overlap_gm": 0.42120389486664583,
  "tpm_overlap_wm": 0.01585460876904664,
  "wm2max": 0.04367209589458234
}