{
  "aor": 0.04808,
  "aqi": 0.0011465616666666667,
  "bids_meta": {
    "AcquisitionMatrixPE": 64,
    "AcquisitionNumber": 1,
    "AcquisitionTime": "16:12:23.000000",
    "BodyPartExamined": "BRAIN",
    "CoilString": "32Ch Head",
    "ConversionSoftware": "dcm2niix",
    "ConversionSoftwareVersion": "v1.0.20211006",
    "Dcm2bidsVersion": "2.1.6",
    "DeviceSerialNumber": "000301496MR3T6MR",
    "EchoTime": 0.0169,
    "EffectiveEchoSpacing": 0.000416,
    "FlipAngle": 90,
    "ImageOrientationPatientDICOM": [
      1,
      0,
      0,
      0,
      1,
      0
    ],
    "ImageType": [
      "ORIGINAL",
      "PRIMARY",
      "OTHER"
    ],
    "ImagingFrequency": 127.696,
    "InPlanePhaseEncodingDirectionDICOM": "COL",
    "InstitutionName": "NIH FMRIF",
    "InternalPulseSequenceName": "EPI",
    "MRAcquisitionType": "2D",
    "MagneticFieldStrength": 3,
    "Manufacturer": "GE",
    "ManufacturersModelName": "DISCOVERY MR750",
    "Modality": "MR",
    "PatientPosition": "HFS",
    "PercentPhaseFOV": 100,
    "PercentSampling": 100,
    "PhaseEncodingDirection": "j-",
    "PhaseEncodingPolarityGE": "Unflipped",
    "PixelBandwidth": 7812.5,
    "ProcedureStepDescription": "MRI Brain",
    "ProtocolName": "ADNI3 FMRIF Enhanced Pro",
    "PulseSequenceName": "epi",
    "ReconMatrixPE": 64,
    "RepetitionTime": 3,
    "SAR": 0.194535,
    "ScanOptions": "MP_GEMS\\EPI_GEMS\\PFF",
    "ScanningSequence": "EP\\GR",
    "SequenceVariant": "SS",
    "SeriesDescription": "Axial rsfMRI reverse blip - RKV",
    "SeriesNumber": 11,
    "SliceThickness": 3.4,
    "SliceTiming": [
      0,
      1.5,
      0.0625,
      1.5625,
      0.125,
      1.625,
      0.1875,
      1.6875,
      0.25,
      1.75,
      0.3125,
      1.8125,
      0.375,
      1.875,
      0.4375,
      1.9375,
      0.5,
      2,
      0.5625,
      2.0625,
      0.625,
      2.125,
      0.6875,
      2.1875,
      0.75,
      2.25,
      0.8125,
      2.3125,
      0.875,
      2.375,
      0.9375,
      2.4375,
      1,
      2.5,
      1.0625,
      2.5625,
      1.125,
      2.625,
      1.1875,
      2.6875,
      1.25,
      2.75,
      1.3125,
      2.8125,
      1.375,
      2.875,
      1.4375,
      2.9375
    ],
    "SoftwareVersions": "27\\LX\\MR Software release:DV26.0_R03_1831.b",
    "SpacingBetweenSlices": 3.4,
    "StationName": "FMRI3tb",
    "TaskName": "Resting state with reverse blip.",
    "TotalReadoutTime": 0.026208,
    "TriggerDelayTime": 29938,
    "dataset": "ds004215",
    "modality": "bold",
    "session_id": "01",
    "subject_id": "ON91906",
    "task_id": "rest"
  },
  "dummy_trs": 1,
  "dvars_nstd": 16.7426801925,
  "dvars_std": 1.7408056400000003,
  "dvars_vstd": 1.5077477412500002,
  "efc": 0.48249755811991607,
  "fber": 4157.345703125,
  "fd_mean": 0.057238708872606285,
  "fd_num": 0,
  "fd_perc": 0.0,
  "fwhm_avg": 2.8028948399245626,
  "fwhm_x": 2.6836741818181817,
  "fwhm_y": 2.736541090909091,
  "fwhm_z": 2.988469247046416,
  "gcor": 0.0634833,
  "gsr_x": -0.002689420711249113,
  "gsr_y": 0.04594463109970093,
  "provenance": {
    "md5sum": "ac93b4b684df95de183b53cda1603787",
    "settings": {
      "fd_thres": 0.2,
      "testing": false
    },
    "software": "mriqc",
    "version": "22.0.6",
    "webapi_port": null,
    "webapi_url": "https://mriqc.nimh.nih.gov/api/v1"
  },
  "size_t": 9,
  "size_x": 64,
  "size_y": 64,
  "size_z": 48,
  "snr": 4.29585710127248,
  "spacing_tr": 3.0,
  "spacing_x": 3.4375,
  "spacing_y": 3.4375,
  "spacing_z": 3.4000015258789062,
  "summary_bg_k": 20.45578209731467,
  "summary_bg_mad": 13.67288869724017,
  "summary_bg_mean": 152.4542999267578,
  "summary_bg_median": 37.88888931274414,
  "summary_bg_n": 130422.0,
  "summary_bg_p05": 24.66666603088379,
  "summary_bg_p95": 755.6611297607419,
  "summary_bg_stdv": 299.8868408203125,
  "summary_fg_k": 0.8834522357768995,
  "summary_fg_mad": 514.7923565447935,
  "summary_fg_mean": 2531.876953125,
  "summary_fg_median": 2465.666748046875,
  "summary_fg_n": 27341.0,
  "summary_fg_p05": 1673.3333740234375,
  "summary_fg_p95": 3552.0,
  "summary_fg_stdv": 573.953369140625,
  "tsnr": 174.6510600708425
}