{
  "bids_meta": {
    "AcquisitionMatrixPE": 256,
    "AcquisitionNumber": 1,
    "AcquisitionTime": "14:11:29.000000",
    "BodyPartExamined": "BRAIN",
    "CoilString": "32Ch Head",
    "ConversionSoftware": "dcm2niix",
    "ConversionSoftwareVersion": "v1.0.20211006",
    "Dcm2bidsVersion": "2.1.6",
    "DeviceSerialNumber": "000301496MR3T6MR",
    "EchoTime": 0.00294,
    "FlipAngle": 8,
    "ImageOrientationPatientDICOM": [
      0,
      1,
      0,
      0,
      0,
      -1
    ],
    "ImageType": [
      "ORIGINAL",
      "PRIMARY",
      "OTHER"
    ],
    "ImagingFrequency": 127.697,
    "InPlanePhaseEncodingDirectionDICOM": "ROW",
    "InstitutionName": "NIH FMRIF",
    "InversionTime": 1.06,
    "MRAcquisitionType": "3D",
    "MagneticFieldStrength": 3,
    "Manufacturer": "GE",
    "ManufacturersModelName": "DISCOVERY MR750",
    "Modality": "MR",
    "ParallelReductionFactorInPlane": 2,
    "ParallelReductionOutOfPlane": 2,
    "PatientPosition": "HFS",
    "PercentPhaseFOV": 100,
    "PercentSampling": 100,
    "PixelBandwidth": 244.141,
    "ProcedureStepDescription": "MRI BRAIN",
    "ProtocolName": "ADNI3 FMRIF Enhanced Pro",
    "ReconMatrixPE": 256,
    "RepetitionTime": 0.00668,
    "SAR": 0.054581,
    "ScanOptions": "EDR_GEMS\\FILTERED_GEMS\\ACC_GEMS\\IR_GEMS",
    "ScanningSequence": "RM",
    "SequenceVariant": "NONE",
    "SeriesDescription": "Anat T1w MP-RAGE 1mm (ABCD)",
    "SeriesNumber": 3,
    "SliceThickness": 1,
    "SoftwareVersions": "27\\LX\\MR Software release:DV26.0_R01_1725.a",
    "SpacingBetweenSlices": 1,
    "StationName": "fmrif3tb",
    "acq_id": "MPRAGE",
    "dataset": "ds004215",
    "modality": "T1w",
    "rec_id": "SCIC",
    "session_id": "01",
    "subject_id": "ON73969"
  },
  "cjv": 0.33860881677526156,
  "cnr": 3.9911571268790595,
  "efc": 0.6855496413255499,
  "fber": 15989.419239655535,
  "fwhm_avg": 3.2246333333333332,
  "fwhm_x": 3.20933,
  "fwhm_y": 3.38584,
  "fwhm_z": 3.07873,
  "icvs_csf": 0.2240590197266481,
  "icvs_gm": 0.43263787132118076,
  "icvs_wm": 0.3433031089521712,
  "inu_med": 0.5995350480079651,
  "inu_range": 0.091030552983284,
  "provenance": {
    "md5sum": "922877a0d9cdbf41047a599e8f86ae1b",
    "settings": {
      "testing": false
    },
    "software": "mriqc",
    "version": "22.0.6",
    "warnings": {
      "large_rot_frame": true,
      "small_air_mask": false
    },
    "webapi_port": null,
    "webapi_url": "https://mriqc.nimh.nih.gov/api/v1"
  },
  "qi_1": 0.0,
  "qi_2": 0.002265108332312973,
  "rpve_csf": 28.21806328483593,
  "rpve_gm": 15.525351945536723,
  "rpve_wm": 22.745059789090188,
  "size_x": 208,
  "size_y": 256,
  "size_z": 256,
  "snr_csf": 1.7094379538008087,
  "snr_gm": 8.84513995027973,
  "snr_total": 9.872329373996324,
  "snr_wm": 19.062410217908436,
  "snrd_csf": 10.148030094623604,
  "snrd_gm": 35.65082323577915,
  "snrd_total": 33.829561043228075,
  "snrd_wm": 55.68982979928149,
  "spacing_x": 1.0,
  "spacing_y": 1.0,
  "spacing_z": 1.0,
  "summary_bg_k": 8.213147228445711,
  "summary_bg_mad": 0.0,
  "summary_bg_mean": 6.709287841681136,
  "summary_bg_median": 0.0,
  "summary_bg_n": 849060.0,
  "summary_bg_p05": 0.0,
  "summary_bg_p95": 33.465455271303654,
  "summary_bg_stdv": 11.76431723135021,
  "summary_csf_k": 4.01478913630312,
  "summary_csf_mad": 90.45428066851319,
  "summary_csf_mean": 207.16416751992213,
  "summary_csf_median": 182.22868597507477,
  "summary_csf_n": 35154.0,
  "summary_csf_p05": 79.26471195500345,
  "summary_csf_p95": 417.198076515086,
  "summary_csf_stdv": 106.60000480785493,
  "summary_gm_k": 0.04895371397490722,
  "summary_gm_mad": 72.37830188360472,
  "summary_gm_mean": 640.2759641987615,
  "summary_gm_median": 640.1836229898036,
  "summary_gm_n": 37246.0,
  "summary_gm_p05": 520.5584179963917,
  "summary_gm_p95": 758.679933315143,
  "summary_gm_stdv": 72.3759072823108,
  "summary_wm_k": 0.6095025761331678,
  "summary_wm_mad": 49.467184740593154,
  "summary_wm_mean": 1000.3340902120076,
  "summary_wm_median": 1000.0250700749457,
  "summary_wm_n": 176065.0,
  "summary_wm_p05": 915.0820179395378,
  "summary_wm_p95": 1086.4231420047581,
  "summary_wm_stdv": 52.46042964703144,
  "tpm_overlap_csf": 0.15691162145783288,
  "tpm_overlap_gm": 0.46036657742611176,
  "tpm_overlap_wm": 0.4863504765026608,
  "wm2max": 0.6690555714069921
}