{
  "bids_meta": {
    "AcquisitionMatrixPE": 256,
    "AcquisitionNumber": 1,
    "AcquisitionTime": "14:17:46.000000",
    "BodyPartExamined": "BRAIN",
    "CoilString": "32Ch Head",
    "ConversionSoftware": "dcm2niix",
    "ConversionSoftwareVersion": "v1.0.20211006",
    "Dcm2bidsVersion": "2.1.6",
    "DeviceSerialNumber": "000301496MR3T6MR",
    "EchoTime": 0.065888,
    "EchoTrainLength": 140,
    "FlipAngle": 90,
    "ImageOrientationPatientDICOM": [
      0,
      1,
      0,
      0,
      0,
      -1
    ],
    "ImageType": [
      "ORIGINAL",
      "PRIMARY",
      "OTHER"
    ],
    "ImagingFrequency": 127.697,
    "InPlanePhaseEncodingDirectionDICOM": "ROW",
    "InstitutionName": "NIH FMRIF",
    "MRAcquisitionType": "3D",
    "MagneticFieldStrength": 3,
    "Manufacturer": "GE",
    "ManufacturersModelName": "DISCOVERY MR750",
    "Modality": "MR",
    "ParallelReductionFactorInPlane": 2,
    "ParallelReductionOutOfPlane": 1.5,
    "PatientPosition": "HFS",
    "PercentPhaseFOV": 100,
    "PercentSampling": 100,
    "PhaseEncodingAxis": "i",
    "PixelBandwidth": 244.141,
    "ProcedureStepDescription": "MRI BRAIN",
    "ProtocolName": "ADNI3 FMRIF Enhanced Pro",
    "ReconMatrixPE": 256,
    "RepetitionTime": 3.202,
    "SAR": 0.4562,
    "ScanOptions": "SAT_GEMS\\EDR_GEMS\\PROMO_GEMS\\FILTERED_GEMS\\ACC_GEMS\\FS\\FR_GEMS",
    "ScanningSequence": "RM",
    "SequenceVariant": "NONE",
    "SeriesDescription": "Anat T2w CUBE (ABCD)",
    "SeriesNumber": 4,
    "SliceThickness": 1,
    "SoftwareVersions": "27\\LX\\MR Software release:DV26.0_R01_1725.a",
    "SpacingBetweenSlices": 1,
    "StationName": "fmrif3tb",
    "acq_id": "CUBE",
    "dataset": "ds004215",
    "modality": "T2w",
    "rec_id": "SCIC",
    "session_id": "01",
    "subject_id": "ON73969"
  },
  "cjv": 7.311427896912195,
  "cnr": 0.2005758489508949,
  "efc": 0.4634654755338358,
  "fber": 1791.9095294784581,
  "fwhm_avg": 2.33827,
  "fwhm_x": 1.96487,
  "fwhm_y": 2.63563,
  "fwhm_z": 2.41431,
  "icvs_csf": 0.32817793120433864,
  "icvs_gm": 0.4841068742246134,
  "icvs_wm": 0.18771519457104793,
  "inu_med": 0.8619936108589172,
  "inu_range": 0.1870023399591445,
  "provenance": {
    "md5sum": "1f822dda029132e8f59c7f3378d20abb",
    "settings": {
      "testing": false
    },
    "software": "mriqc",
    "version": "22.0.6",
    "warnings": {
      "large_rot_frame": true,
      "small_air_mask": false
    },
    "webapi_port": null,
    "webapi_url": "https://mriqc.nimh.nih.gov/api/v1"
  },
  "qi_1": 0.0,
  "qi_2": 0.019086539716891754,
  "rpve_csf": 18.85595872801758,
  "rpve_gm": 14.638447846839108,
  "rpve_wm": 42.19979256129877,
  "size_x": 204,
  "size_y": 256,
  "size_z": 256,
  "snr_csf": 12.10293167225751,
  "snr_gm": 11.052897786500765,
  "snr_total": 8.0647153847168,
  "snr_wm": 1.0383166953921292,
  "snrd_csf": 60.754829211778606,
  "snrd_gm": 41.48630732584235,
  "snrd_total": 51.232390289012535,
  "snrd_wm": 51.45603432941667,
  "spacing_x": 1.0,
  "spacing_y": 1.0,
  "spacing_z": 1.0,
  "summary_bg_k": 2.773747090046948,
  "summary_bg_mad": 12.769944017874469,
  "summary_bg_mean": 15.767936329853313,
  "summary_bg_median": 8.613196350634098,
  "summary_bg_n": 3177560.0,
  "summary_bg_p05": 0.0,
  "summary_bg_p95": 49.4666139036417,
  "summary_bg_stdv": 16.17619987512447,
  "summary_csf_k": 0.4306890047335923,
  "summary_csf_mad": 93.84151521392155,
  "summary_csf_mean": 1185.5131978155894,
  "summary_csf_median": 1184.2354780621827,
  "summary_csf_n": 25433.0,
  "summary_csf_p05": 1028.289212025702,
  "summary_csf_p95": 1349.063608959317,
  "summary_csf_stdv": 97.84506997369645,
  "summary_gm_k": 0.1675128211848107,
  "summary_gm_mad": 72.87068971667816,
  "summary_gm_mean": 809.833824263005,
  "summary_gm_median": 808.6527050845325,
  "summary_gm_n": 148224.0,
  "summary_gm_p05": 691.9399435259402,
  "summary_gm_p95": 930.6993267685175,
  "summary_gm_stdv": 73.16180723767455,
  "summary_wm_k": -1.784318801028801,
  "summary_wm_mad": 1347.9613154464143,
  "summary_wm_mean": 1151.378728918658,
  "summary_wm_median": 1002.983008986339,
  "summary_wm_n": 48216.0,
  "summary_wm_p05": 57.289608754217625,
  "summary_wm_p95": 2396.24653885141,
  "summary_wm_stdv": 965.960205058786,
  "tpm_overlap_csf": 0.09956926391285581,
  "tpm_overlap_gm": 0.3114631672907255,
  "tpm_overlap_wm": 0.04099582616219464,
  "wm2max": 0.42073554760010606
}