{
  "aor": 0.006892160804020102,
  "aqi": 0.005636185879396986,
  "bids_meta": {
    "AcquisitionMatrixPE": 64,
    "AcquisitionNumber": 1,
    "AcquisitionTime": "14:56:42.000000",
    "BodyPartExamined": "HEAD",
    "CoilString": "32Ch Head",
    "ConversionSoftware": "dcm2niix",
    "ConversionSoftwareVersion": "v1.0.20211006",
    "Dcm2bidsVersion": "2.1.6",
    "DeviceSerialNumber": "000301496MR3T6MR",
    "EchoTime": 0.0169,
    "EffectiveEchoSpacing": 0.000208635,
    "FlipAngle": 90,
    "ImageOrientationPatientDICOM": [
      1,
      0,
      0,
      0,
      1,
      0
    ],
    "ImageType": [
      "ORIGINAL",
      "PRIMARY",
      "EPI",
      "NONE"
    ],
    "ImagingFrequency": 127.697,
    "InPlanePhaseEncodingDirectionDICOM": "COL",
    "InstitutionName": "NIH FMRIF",
    "InternalPulseSequenceName": "EPI",
    "MRAcquisitionType": "2D",
    "MagneticFieldStrength": 3,
    "Manufacturer": "GE",
    "ManufacturersModelName": "DISCOVERY MR750",
    "Modality": "MR",
    "ParallelReductionFactorInPlane": 2,
    "PatientPosition": "HFS",
    "PercentPhaseFOV": 100,
    "PercentSampling": 100,
    "PhaseEncodingDirection": "j-",
    "PhaseEncodingPolarityGE": "Unflipped",
    "PixelBandwidth": 7812.5,
    "ProcedureStepDescription": "MRI Brain",
    "ProtocolName": "ADNI3 FMRIF Enhanced Pro",
    "PulseSequenceName": "epiRT",
    "ReconMatrixPE": 64,
    "RepetitionTime": 3,
    "SAR": 0.214003,
    "ScanOptions": "EPI_GEMS\\ACC_GEMS",
    "ScanningSequence": "EP\\GR",
    "SequenceVariant": "SS",
    "SeriesDescription": "Axial rsfMRI with Eyes Open - RKV",
    "SeriesNumber": 13,
    "SliceThickness": 3.4,
    "SliceTiming": [
      0,
      1.5,
      0.0625,
      1.5625,
      0.125,
      1.625,
      0.1875,
      1.6875,
      0.25,
      1.75,
      0.3125,
      1.8125,
      0.375,
      1.875,
      0.4375,
      1.9375,
      0.5,
      2,
      0.5625,
      2.0625,
      0.625,
      2.125,
      0.6875,
      2.1875,
      0.75,
      2.25,
      0.8125,
      2.3125,
      0.875,
      2.375,
      0.9375,
      2.4375,
      1,
      2.5,
      1.0625,
      2.5625,
      1.125,
      2.625,
      1.1875,
      2.6875,
      1.25,
      2.75,
      1.3125,
      2.8125,
      1.375,
      2.875,
      1.4375,
      2.9375
    ],
    "SoftwareVersions": "27\\LX\\MR Software release:DV26.0_R01_1725.a",
    "SpacingBetweenSlices": 3.4,
    "StationName": "fmrif3tb",
    "TaskName": "Resting state with eyes open.",
    "TotalReadoutTime": 0.013144,
    "dataset": "ds004215",
    "modality": "bold",
    "session_id": "01",
    "subject_id": "ON98806",
    "task_id": "rest"
  },
  "dummy_trs": 1,
  "dvars_nstd": 30.741659255909088,
  "dvars_std": 1.7162407633333336,
  "dvars_vstd": 0.8723071614141409,
  "efc": 0.487470987163361,
  "fber": 16369.4814453125,
  "fd_mean": 0.17479566493180648,
  "fd_num": 48,
  "fd_perc": 24.12060301507538,
  "fwhm_avg": 2.831141314995596,
  "fwhm_x": 2.4787636363636363,
  "fwhm_y": 2.889338181818182,
  "fwhm_z": 3.125322126804968,
  "gcor": 0.0828097,
  "gsr_x": 0.04652426764369011,
  "gsr_y": 0.03466753289103508,
  "provenance": {
    "md5sum": "4575ce176a48af19248862ecfabc53d5",
    "settings": {
      "fd_thres": 0.2,
      "testing": false
    },
    "software": "mriqc",
    "version": "22.0.6",
    "webapi_port": null,
    "webapi_url": "https://mriqc.nimh.nih.gov/api/v1"
  },
  "size_t": 199,
  "size_x": 64,
  "size_y": 64,
  "size_z": 48,
  "snr": 4.295874825219522,
  "spacing_tr": 3.0,
  "spacing_x": 3.4375,
  "spacing_y": 3.4375,
  "spacing_z": 3.4000015258789062,
  "summary_bg_k": 14.78073005992147,
  "summary_bg_mad": 28.609007768916356,
  "summary_bg_mean": 154.97947692871094,
  "summary_bg_median": 19.909547805786133,
  "summary_bg_n": 126863.0,
  "summary_bg_p05": 0.20603014528751373,
  "summary_bg_p95": 867.4979980468742,
  "summary_bg_stdv": 345.5496826171875,
  "summary_fg_k": 0.023606729851670227,
  "summary_fg_mad": 527.7692885361885,
  "summary_fg_mean": 2438.947998046875,
  "summary_fg_median": 2393.1005859375,
  "summary_fg_n": 29307.0,
  "summary_fg_p05": 1554.7065673828124,
  "summary_fg_p95": 3422.9089355468745,
  "summary_fg_stdv": 557.0599365234375,
  "tsnr": 63.56457924703136
}