{
  "aor": 0.038110000000000005,
  "aqi": 0.002046789888888889,
  "bids_meta": {
    "AcquisitionMatrixPE": 64,
    "AcquisitionNumber": 1,
    "AcquisitionTime": "15:07:11.000000",
    "BodyPartExamined": "HEAD",
    "CoilString": "32Ch Head",
    "ConversionSoftware": "dcm2niix",
    "ConversionSoftwareVersion": "v1.0.20211006",
    "Dcm2bidsVersion": "2.1.6",
    "DeviceSerialNumber": "000301496MR3T6MR",
    "EchoTime": 0.0169,
    "EffectiveEchoSpacing": 0.000208635,
    "FlipAngle": 90,
    "ImageOrientationPatientDICOM": [
      1,
      0,
      0,
      0,
      1,
      0
    ],
    "ImageType": [
      "ORIGINAL",
      "PRIMARY",
      "EPI",
      "NONE"
    ],
    "ImagingFrequency": 127.697,
    "InPlanePhaseEncodingDirectionDICOM": "COL",
    "InstitutionName": "NIH FMRIF",
    "InternalPulseSequenceName": "EPI",
    "MRAcquisitionType": "2D",
    "MagneticFieldStrength": 3,
    "Manufacturer": "GE",
    "ManufacturersModelName": "DISCOVERY MR750",
    "Modality": "MR",
    "ParallelReductionFactorInPlane": 2,
    "PatientPosition": "HFS",
    "PercentPhaseFOV": 100,
    "PercentSampling": 100,
    "PhaseEncodingDirection": "j",
    "PhaseEncodingPolarityGE": "Flipped",
    "PixelBandwidth": 7812.5,
    "ProcedureStepDescription": "MRI Brain",
    "ProtocolName": "ADNI3 FMRIF Enhanced Pro",
    "PulseSequenceName": "epiRT",
    "ReconMatrixPE": 64,
    "RepetitionTime": 3,
    "SAR": 0.214493,
    "ScanOptions": "EPI_GEMS\\ACC_GEMS",
    "ScanningSequence": "EP\\GR",
    "SequenceVariant": "SS",
    "SeriesDescription": "Axial rsfMRI reverse blip - RKV",
    "SeriesNumber": 14,
    "SliceThickness": 3.4,
    "SliceTiming": [
      0,
      1.5,
      0.0625,
      1.5625,
      0.125,
      1.625,
      0.1875,
      1.6875,
      0.25,
      1.75,
      0.3125,
      1.8125,
      0.375,
      1.875,
      0.4375,
      1.9375,
      0.5,
      2,
      0.5625,
      2.0625,
      0.625,
      2.125,
      0.6875,
      2.1875,
      0.75,
      2.25,
      0.8125,
      2.3125,
      0.875,
      2.375,
      0.9375,
      2.4375,
      1,
      2.5,
      1.0625,
      2.5625,
      1.125,
      2.625,
      1.1875,
      2.6875,
      1.25,
      2.75,
      1.3125,
      2.8125,
      1.375,
      2.875,
      1.4375,
      2.9375
    ],
    "SoftwareVersions": "27\\LX\\MR Software release:DV26.0_R01_1725.a",
    "SpacingBetweenSlices": 3.4,
    "StationName": "fmrif3tb",
    "TaskName": "Resting state with reverse blip.",
    "TotalReadoutTime": 0.013144,
    "dataset": "ds004215",
    "modality": "bold",
    "session_id": "01",
    "subject_id": "ON98806",
    "task_id": "rest"
  },
  "dummy_trs": 1,
  "dvars_nstd": 29.68982863375,
  "dvars_std": 3.0732049212500003,
  "dvars_vstd": 1.42396372625,
  "efc": 0.4836878040064885,
  "fber": 21866.23046875,
  "fd_mean": 0.07040385723216742,
  "fd_num": 0,
  "fd_perc": 0.0,
  "fwhm_avg": 2.757759474291614,
  "fwhm_x": 2.3954647272727274,
  "fwhm_y": 2.883778909090909,
  "fwhm_z": 2.9940347865112065,
  "gcor": 0.012907,
  "gsr_x": 0.04505280405282974,
  "gsr_y": 0.04375990107655525,
  "provenance": {
    "md5sum": "3a01873efa9d912538518c2041ae2926",
    "settings": {
      "fd_thres": 0.2,
      "testing": false
    },
    "software": "mriqc",
    "version": "22.0.6",
    "webapi_port": null,
    "webapi_url": "https://mriqc.nimh.nih.gov/api/v1"
  },
  "size_t": 9,
  "size_x": 64,
  "size_y": 64,
  "size_z": 48,
  "snr": 4.231294821989369,
  "spacing_tr": 3.0,
  "spacing_x": 3.4375,
  "spacing_y": 3.4375,
  "spacing_z": 3.399993896484375,
  "summary_bg_k": 15.304382076773663,
  "summary_bg_mad": 25.368970975315378,
  "summary_bg_mean": 153.11155700683594,
  "summary_bg_median": 17.55555534362793,
  "summary_bg_n": 127534.0,
  "summary_bg_p05": 0.1111111119389534,
  "summary_bg_p95": 871.3722137451163,
  "summary_bg_stdv": 351.9299621582031,
  "summary_fg_k": 0.27121669478571375,
  "summary_fg_mad": 539.0082531076237,
  "summary_fg_mean": 2429.888671875,
  "summary_fg_median": 2386.888916015625,
  "summary_fg_n": 28983.0,
  "summary_fg_p05": 1557.6777465820312,
  "summary_fg_p95": 3411.7445068359366,
  "summary_fg_stdv": 564.0939331054688,
  "tsnr": 193.4162906371057
}