{
  "aor": 0.008048291457286433,
  "aqi": 0.0032636662311557795,
  "bids_meta": {
    "AcquisitionMatrixPE": 64,
    "AcquisitionNumber": 1,
    "AcquisitionTime": "15:51:6.000000",
    "BodyPartExamined": "BRAIN",
    "CoilString": "32Ch Head",
    "ConversionSoftware": "dcm2niix",
    "ConversionSoftwareVersion": "v1.0.20211006",
    "Dcm2bidsVersion": "2.1.6",
    "DeviceSerialNumber": "000301496MR3T6MR",
    "EchoTime": 0.0169,
    "EffectiveEchoSpacing": 0.000416,
    "FlipAngle": 90,
    "ImageOrientationPatientDICOM": [
      1,
      0,
      0,
      0,
      1,
      0
    ],
    "ImageType": [
      "ORIGINAL",
      "PRIMARY",
      "OTHER"
    ],
    "ImagingFrequency": 127.697,
    "InPlanePhaseEncodingDirectionDICOM": "COL",
    "InstitutionName": "NIH FMRIF",
    "InternalPulseSequenceName": "EPI",
    "MRAcquisitionType": "2D",
    "MagneticFieldStrength": 3,
    "Manufacturer": "GE",
    "ManufacturersModelName": "DISCOVERY MR750",
    "Modality": "MR",
    "PatientPosition": "HFS",
    "PercentPhaseFOV": 100,
    "PercentSampling": 100,
    "PhaseEncodingDirection": "j",
    "PhaseEncodingPolarityGE": "Flipped",
    "PixelBandwidth": 7812.5,
    "ProcedureStepDescription": "MRI Brain",
    "ProtocolName": "ADNI3 FMRIF Enhanced Pro",
    "PulseSequenceName": "epi",
    "ReconMatrixPE": 64,
    "RepetitionTime": 3,
    "SAR": 0.167915,
    "ScanOptions": "MP_GEMS\\EPI_GEMS\\PFF",
    "ScanningSequence": "EP\\GR",
    "SequenceVariant": "SS",
    "SeriesDescription": "Axial rsfMRI with Eyes Open - RKV",
    "SeriesNumber": 10,
    "SliceThickness": 3.4,
    "SliceTiming": [
      0,
      1.5,
      0.0625,
      1.5625,
      0.125,
      1.625,
      0.1875,
      1.6875,
      0.25,
      1.75,
      0.3125,
      1.8125,
      0.375,
      1.875,
      0.4375,
      1.9375,
      0.5,
      2,
      0.5625,
      2.0625,
      0.625,
      2.125,
      0.6875,
      2.1875,
      0.75,
      2.25,
      0.8125,
      2.3125,
      0.875,
      2.375,
      0.9375,
      2.4375,
      1,
      2.5,
      1.0625,
      2.5625,
      1.125,
      2.625,
      1.1875,
      2.6875,
      1.25,
      2.75,
      1.3125,
      2.8125,
      1.375,
      2.875,
      1.4375,
      2.9375
    ],
    "SoftwareVersions": "27\\LX\\MR Software release:DV26.0_R01_1725.a",
    "SpacingBetweenSlices": 3.4,
    "StationName": "fmrif3tb",
    "TaskName": "Resting state with eyes open.",
    "TotalReadoutTime": 0.026208,
    "TriggerDelayTime": 599938,
    "dataset": "ds004215",
    "modality": "bold",
    "session_id": "01",
    "subject_id": "ON43585",
    "task_id": "rest"
  },
  "dummy_trs": 1,
  "dvars_nstd": 15.853344873838388,
  "dvars_std": 1.1882517825252519,
  "dvars_vstd": 0.9999040005555552,
  "efc": 0.45989214660396255,
  "fber": 5035.62890625,
  "fd_mean": 0.17812247021542796,
  "fd_num": 44,
  "fd_perc": 22.110552763819097,
  "fwhm_avg": 2.771351142377562,
  "fwhm_x": 2.671069090909091,
  "fwhm_y": 2.5791621818181816,
  "fwhm_z": 3.0638221544054125,
  "gcor": 0.0668785,
  "gsr_x": 0.0016861925832927227,
  "gsr_y": 0.04402215778827667,
  "provenance": {
    "md5sum": "9eb40cb859d61b2012fcfb49db8ece3a",
    "settings": {
      "fd_thres": 0.2,
      "testing": false
    },
    "software": "mriqc",
    "version": "22.0.6",
    "webapi_port": null,
    "webapi_url": "https://mriqc.nimh.nih.gov/api/v1"
  },
  "size_t": 199,
  "size_x": 64,
  "size_y": 64,
  "size_z": 48,
  "snr": 3.989569119814336,
  "spacing_tr": 3.0,
  "spacing_x": 3.4375,
  "spacing_y": 3.4375,
  "spacing_z": 3.4000015258789062,
  "summary_bg_k": 24.14313353636463,
  "summary_bg_mad": 10.706027146390687,
  "summary_bg_mean": 127.19024658203125,
  "summary_bg_median": 34.180904388427734,
  "summary_bg_n": 134085.0,
  "summary_bg_p05": 23.57487449645997,
  "summary_bg_p95": 626.0582885742177,
  "summary_bg_stdv": 245.85362243652344,
  "summary_fg_k": 2.453247104611516,
  "summary_fg_mad": 505.9249763814756,
  "summary_fg_mean": 2474.191650390625,
  "summary_fg_median": 2397.196044921875,
  "summary_fg_n": 26333.0,
  "summary_fg_p05": 1618.4904541015626,
  "summary_fg_p95": 3553.12060546875,
  "summary_fg_stdv": 600.8544921875,
  "tsnr": 85.59207867085934
}