{
  "aor": 0.03306,
  "aqi": 0.0008253661111111112,
  "bids_meta": {
    "AcquisitionMatrixPE": 64,
    "AcquisitionNumber": 1,
    "AcquisitionTime": "16:01:34.000000",
    "BodyPartExamined": "BRAIN",
    "CoilString": "32Ch Head",
    "ConversionSoftware": "dcm2niix",
    "ConversionSoftwareVersion": "v1.0.20211006",
    "Dcm2bidsVersion": "2.1.6",
    "DeviceSerialNumber": "000301496MR3T6MR",
    "EchoTime": 0.0169,
    "EffectiveEchoSpacing": 0.000416,
    "FlipAngle": 90,
    "ImageOrientationPatientDICOM": [
      1,
      0,
      0,
      0,
      1,
      0
    ],
    "ImageType": [
      "ORIGINAL",
      "PRIMARY",
      "OTHER"
    ],
    "ImagingFrequency": 127.697,
    "InPlanePhaseEncodingDirectionDICOM": "COL",
    "InstitutionName": "NIH FMRIF",
    "InternalPulseSequenceName": "EPI",
    "MRAcquisitionType": "2D",
    "MagneticFieldStrength": 3,
    "Manufacturer": "GE",
    "ManufacturersModelName": "DISCOVERY MR750",
    "Modality": "MR",
    "PatientPosition": "HFS",
    "PercentPhaseFOV": 100,
    "PercentSampling": 100,
    "PhaseEncodingDirection": "j",
    "PhaseEncodingPolarityGE": "Flipped",
    "PixelBandwidth": 7812.5,
    "ProcedureStepDescription": "MRI Brain",
    "ProtocolName": "ADNI3 FMRIF Enhanced Pro",
    "PulseSequenceName": "epi",
    "ReconMatrixPE": 64,
    "RepetitionTime": 3,
    "SAR": 0.167915,
    "ScanOptions": "MP_GEMS\\EPI_GEMS\\PFF",
    "ScanningSequence": "EP\\GR",
    "SequenceVariant": "SS",
    "SeriesDescription": "Axial rsfMRI reverse blip - RKV",
    "SeriesNumber": 11,
    "SliceThickness": 3.4,
    "SliceTiming": [
      0,
      1.5,
      0.0625,
      1.5625,
      0.125,
      1.625,
      0.1875,
      1.6875,
      0.25,
      1.75,
      0.3125,
      1.8125,
      0.375,
      1.875,
      0.4375,
      1.9375,
      0.5,
      2,
      0.5625,
      2.0625,
      0.625,
      2.125,
      0.6875,
      2.1875,
      0.75,
      2.25,
      0.8125,
      2.3125,
      0.875,
      2.375,
      0.9375,
      2.4375,
      1,
      2.5,
      1.0625,
      2.5625,
      1.125,
      2.625,
      1.1875,
      2.6875,
      1.25,
      2.75,
      1.3125,
      2.8125,
      1.375,
      2.875,
      1.4375,
      2.9375
    ],
    "SoftwareVersions": "27\\LX\\MR Software release:DV26.0_R01_1725.a",
    "SpacingBetweenSlices": 3.4,
    "StationName": "fmrif3tb",
    "TaskName": "Resting state with reverse blip.",
    "TotalReadoutTime": 0.026208,
    "TriggerDelayTime": 29938,
    "dataset": "ds004215",
    "modality": "bold",
    "session_id": "01",
    "subject_id": "ON43585",
    "task_id": "rest"
  },
  "dummy_trs": 1,
  "dvars_nstd": 11.73235785875,
  "dvars_std": 1.3632333575000002,
  "dvars_vstd": 1.37888942625,
  "efc": 0.4538791214151771,
  "fber": 5278.619140625,
  "fd_mean": 0.13531766374219725,
  "fd_num": 1,
  "fd_perc": 11.11111111111111,
  "fwhm_avg": 2.7226580080231,
  "fwhm_x": 2.6747781818181817,
  "fwhm_y": 2.520256,
  "fwhm_z": 2.9729398422511193,
  "gcor": 0.0261811,
  "gsr_x": 0.003834682982414961,
  "gsr_y": 0.04311467707157135,
  "provenance": {
    "md5sum": "e83f30caf5ea8ef5368a9d10a79f5522",
    "settings": {
      "fd_thres": 0.2,
      "testing": false
    },
    "software": "mriqc",
    "version": "22.0.6",
    "webapi_port": null,
    "webapi_url": "https://mriqc.nimh.nih.gov/api/v1"
  },
  "size_t": 9,
  "size_x": 64,
  "size_y": 64,
  "size_z": 48,
  "snr": 3.9872120554649904,
  "spacing_tr": 3.0,
  "spacing_x": 3.4375,
  "spacing_y": 3.4375,
  "spacing_z": 3.4000015258789062,
  "summary_bg_k": 29.28953912686257,
  "summary_bg_mad": 9.719283723838336,
  "summary_bg_mean": 123.88068389892578,
  "summary_bg_median": 33.33333206176758,
  "summary_bg_n": 134776.0,
  "summary_bg_p05": 23.88888931274414,
  "summary_bg_p95": 613.888916015625,
  "summary_bg_stdv": 249.42803955078125,
  "summary_fg_k": 2.336857049245122,
  "summary_fg_mad": 511.168378661083,
  "summary_fg_mean": 2486.09765625,
  "summary_fg_median": 2408.5556640625,
  "summary_fg_n": 25795.0,
  "summary_fg_p05": 1625.0777587890625,
  "summary_fg_p95": 3558.977856445312,
  "summary_fg_stdv": 604.0584106445312,
  "tsnr": 212.03600921295583
}