{
  "bids_meta": {
    "AcquisitionMatrixPE": 256,
    "AcquisitionNumber": 1,
    "AcquisitionTime": "11:59:59.000000",
    "BodyPartExamined": "BRAIN",
    "CoilString": "32Ch Head",
    "ConversionSoftware": "dcm2niix",
    "ConversionSoftwareVersion": "v1.0.20211006",
    "Dcm2bidsVersion": "2.1.6",
    "DeviceSerialNumber": "000301496MR3T6MR",
    "EchoTime": 0.00292,
    "FlipAngle": 8,
    "ImageOrientationPatientDICOM": [
      0,
      1,
      0,
      0,
      0,
      -1
    ],
    "ImageType": [
      "ORIGINAL",
      "PRIMARY",
      "OTHER"
    ],
    "ImagingFrequency": 127.697,
    "InPlanePhaseEncodingDirectionDICOM": "ROW",
    "InstitutionName": "NIH FMRIF",
    "InversionTime": 1.06,
    "MRAcquisitionType": "3D",
    "MagneticFieldStrength": 3,
    "Manufacturer": "GE",
    "ManufacturersModelName": "DISCOVERY MR750",
    "Modality": "MR",
    "ParallelReductionFactorInPlane": 2,
    "ParallelReductionOutOfPlane": 2,
    "PatientPosition": "HFS",
    "PercentPhaseFOV": 100,
    "PercentSampling": 100,
    "PixelBandwidth": 244.141,
    "ProcedureStepDescription": "MRI Brain",
    "ProtocolName": "ADNI3 FMRIF Enhanced Pro",
    "ReconMatrixPE": 256,
    "RepetitionTime": 0.006952,
    "SAR": 0.0942594,
    "ScanOptions": "EDR_GEMS\\PROMO_GEMS\\FILTERED_GEMS\\ACC_GEMS\\IR_GEMS",
    "ScanningSequence": "RM",
    "SequenceVariant": "NONE",
    "SeriesDescription": "Anat T1w MP-RAGE 1mm (ABCD)",
    "SeriesNumber": 3,
    "SliceThickness": 1,
    "SoftwareVersions": "27\\LX\\MR Software release:DV26.0_R03_1831.b",
    "SpacingBetweenSlices": 1,
    "StationName": "FMRI3tb",
    "acq_id": "MPRAGE",
    "dataset": "ds004215",
    "modality": "T1w",
    "rec_id": "SCIC",
    "session_id": "01",
    "subject_id": "ON11394"
  },
  "cjv": 0.34369271609010155,
  "cnr": 3.815649157693052,
  "efc": 0.6612968285898897,
  "fber": 16290.570125486356,
  "fwhm_avg": 3.4295733333333334,
  "fwhm_x": 3.40512,
  "fwhm_y": 3.61205,
  "fwhm_z": 3.27155,
  "icvs_csf": 0.2632906906751096,
  "icvs_gm": 0.40727759006835673,
  "icvs_wm": 0.3294317192565337,
  "inu_med": 0.46092766523361206,
  "inu_range": 0.06261393427848816,
  "provenance": {
    "md5sum": "91ac964b15ca7001967f0a6a68aee379",
    "settings": {
      "testing": false
    },
    "software": "mriqc",
    "version": "22.0.6",
    "warnings": {
      "large_rot_frame": true,
      "small_air_mask": false
    },
    "webapi_port": null,
    "webapi_url": "https://mriqc.nimh.nih.gov/api/v1"
  },
  "qi_1": 0.0,
  "qi_2": 0.00426030977337771,
  "rpve_csf": 26.111474462119535,
  "rpve_gm": 16.358578892524108,
  "rpve_wm": 23.97281850907375,
  "size_x": 208,
  "size_y": 256,
  "size_z": 256,
  "snr_csf": 1.6370978015380402,
  "snr_gm": 8.448786567381626,
  "snr_total": 10.436896575317498,
  "snr_wm": 21.224805357032828,
  "snrd_csf": 11.57518652936706,
  "snrd_gm": 50.77924090561621,
  "snrd_total": 46.70202435418406,
  "snrd_wm": 77.75164562756892,
  "spacing_x": 1.0,
  "spacing_y": 1.0,
  "spacing_z": 1.0,
  "summary_bg_k": 4.598302012984456,
  "summary_bg_mad": 0.0,
  "summary_bg_mean": 4.971888368073621,
  "summary_bg_median": 0.0,
  "summary_bg_n": 842313.0,
  "summary_bg_p05": 0.0,
  "summary_bg_p95": 24.689230792224407,
  "summary_bg_stdv": 8.426013305856605,
  "summary_csf_k": 4.256325944327187,
  "summary_csf_mad": 66.71253804190296,
  "summary_csf_mean": 172.22933783158877,
  "summary_csf_median": 148.87384629249573,
  "summary_csf_n": 45491.0,
  "summary_csf_p05": 70.01846160367131,
  "summary_csf_p95": 365.02153880149126,
  "summary_csf_stdv": 90.93666233235567,
  "summary_gm_k": 0.2809354301503295,
  "summary_gm_mad": 73.86552352123172,
  "summary_gm_mean": 652.6475998069957,
  "summary_gm_median": 653.0953852236271,
  "summary_gm_n": 15945.0,
  "summary_gm_p05": 524.160000488162,
  "summary_gm_p95": 779.1852314949035,
  "summary_gm_stdv": 77.29807115667256,
  "summary_wm_k": 0.41189016898471076,
  "summary_wm_mad": 45.36306607553905,
  "summary_wm_mean": 999.0474000131743,
  "summary_wm_median": 1000.0000009313226,
  "summary_wm_n": 163849.0,
  "summary_wm_p05": 920.492308549583,
  "summary_wm_p95": 1074.240001000464,
  "summary_wm_stdv": 47.114540393423745,
  "tpm_overlap_csf": 0.15524809521829486,
  "tpm_overlap_gm": 0.4554244086386104,
  "tpm_overlap_wm": 0.5139339179495925,
  "wm2max": 0.6902409771848114
}