{
  "bids_meta": {
    "AcquisitionMatrixPE": 256,
    "AcquisitionNumber": 1,
    "AcquisitionTime": "12:06:30.000000",
    "BodyPartExamined": "BRAIN",
    "CoilString": "32Ch Head",
    "ConversionSoftware": "dcm2niix",
    "ConversionSoftwareVersion": "v1.0.20211006",
    "Dcm2bidsVersion": "2.1.6",
    "DeviceSerialNumber": "000301496MR3T6MR",
    "EchoTime": 0.066902,
    "EchoTrainLength": 140,
    "FlipAngle": 90,
    "ImageOrientationPatientDICOM": [
      0,
      1,
      0,
      0,
      0,
      -1
    ],
    "ImageType": [
      "ORIGINAL",
      "PRIMARY",
      "OTHER"
    ],
    "ImagingFrequency": 127.697,
    "InPlanePhaseEncodingDirectionDICOM": "ROW",
    "InstitutionName": "NIH FMRIF",
    "MRAcquisitionType": "3D",
    "MagneticFieldStrength": 3,
    "Manufacturer": "GE",
    "ManufacturersModelName": "DISCOVERY MR750",
    "Modality": "MR",
    "ParallelReductionFactorInPlane": 2,
    "ParallelReductionOutOfPlane": 1.5,
    "PatientPosition": "HFS",
    "PercentPhaseFOV": 100,
    "PercentSampling": 100,
    "PhaseEncodingAxis": "i",
    "PixelBandwidth": 244.141,
    "ProcedureStepDescription": "MRI Brain",
    "ProtocolName": "ADNI3 FMRIF Enhanced Pro",
    "ReconMatrixPE": 256,
    "RepetitionTime": 3.216,
    "SAR": 0.4597,
    "ScanOptions": "SAT_GEMS\\EDR_GEMS\\PROMO_GEMS\\ACC_GEMS\\FS\\FR_GEMS",
    "ScanningSequence": "RM",
    "SequenceVariant": "NONE",
    "SeriesDescription": "ORIG Anat T2w CUBE (ABCD)",
    "SeriesNumber": 40004,
    "SliceThickness": 1,
    "SoftwareVersions": "27\\LX\\MR Software release:DV26.0_R03_1831.b",
    "SpacingBetweenSlices": 1,
    "StationName": "FMRI3tb",
    "acq_id": "CUBE",
    "dataset": "ds004215",
    "modality": "T2w",
    "session_id": "01",
    "subject_id": "ON11394"
  },
  "cjv": 1.2221019129968909,
  "cnr": 1.0188233904189345,
  "efc": 0.3505766073998605,
  "fber": -1.0,
  "fwhm_avg": 2.37406,
  "fwhm_x": 2.01056,
  "fwhm_y": 2.61057,
  "fwhm_z": 2.50105,
  "icvs_csf": 0.15283864443045259,
  "icvs_gm": 0.6872740443337025,
  "icvs_wm": 0.1598873112358449,
  "inu_med": 0.8964017033576965,
  "inu_range": 0.38816140592098225,
  "provenance": {
    "md5sum": "202ab04bf92991cb12ccccc0f57c5d47",
    "settings": {
      "testing": false
    },
    "software": "mriqc",
    "version": "22.0.6",
    "warnings": {
      "large_rot_frame": true,
      "small_air_mask": false
    },
    "webapi_port": null,
    "webapi_url": "https://mriqc.nimh.nih.gov/api/v1"
  },
  "qi_1": 0.0004477582343492832,
  "qi_2": 0.018495804830618297,
  "rpve_csf": 32.44445367190515,
  "rpve_gm": 11.774887659945346,
  "rpve_wm": 48.02164661018474,
  "size_x": 204,
  "size_y": 256,
  "size_z": 256,
  "snr_csf": 4.347908355133731,
  "snr_gm": 9.113576515449633,
  "snr_total": 5.064748708274082,
  "snr_wm": 1.7327612542388813,
  "snrd_csf": 106.56745085613018,
  "snrd_gm": 54.85233301218448,
  "snrd_total": 98.37757739554841,
  "snrd_wm": 133.71294831833055,
  "spacing_x": 1.0,
  "spacing_y": 1.0,
  "spacing_z": 1.0,
  "summary_bg_k": 97.58205604149562,
  "summary_bg_mad": 0.0,
  "summary_bg_mean": 2.9887939245527044,
  "summary_bg_median": 0.0,
  "summary_bg_n": 4777603.0,
  "summary_bg_p05": 0.0,
  "summary_bg_p95": 12.79453793540597,
  "summary_bg_stdv": 4.92350618593338,
  "summary_csf_k": 1.2322917675819864,
  "summary_csf_mad": 149.8403024048509,
  "summary_csf_mean": 823.2829357354113,
  "summary_csf_median": 800.8797916118056,
  "summary_csf_n": 780.0,
  "summary_csf_p05": 564.5638433285058,
  "summary_csf_p95": 1127.1155304741112,
  "summary_csf_stdv": 184.08075265273493,
  "summary_gm_k": 0.13254818018075598,
  "summary_gm_mad": 44.93357413870581,
  "summary_gm_mean": 415.2837012560053,
  "summary_gm_median": 412.2283556498587,
  "summary_gm_n": 379252.0,
  "summary_gm_p05": 346.2296328507364,
  "summary_gm_p95": 494.46309730410576,
  "summary_gm_stdv": 45.23227642574335,
  "summary_wm_k": -1.7850578342466235,
  "summary_wm_mad": 679.3528470970997,
  "summary_wm_mean": 706.5374284427409,
  "summary_wm_median": 1004.884674679488,
  "summary_wm_n": 35871.0,
  "summary_wm_p05": 19.330576295033097,
  "summary_wm_p95": 1457.4949233792722,
  "summary_wm_stdv": 579.9244790363176,
  "tpm_overlap_csf": 0.12969276366036872,
  "tpm_overlap_gm": 0.4114705801482953,
  "tpm_overlap_wm": 0.03856751803904424,
  "wm2max": 0.6720765359801277
}