{
  "bids_meta": {
    "AcquisitionMatrixPE": 256,
    "AcquisitionNumber": 1,
    "AcquisitionTime": "12:06:30.000000",
    "BodyPartExamined": "BRAIN",
    "CoilString": "32Ch Head",
    "ConversionSoftware": "dcm2niix",
    "ConversionSoftwareVersion": "v1.0.20211006",
    "Dcm2bidsVersion": "2.1.6",
    "DeviceSerialNumber": "000301496MR3T6MR",
    "EchoTime": 0.066902,
    "EchoTrainLength": 140,
    "FlipAngle": 90,
    "ImageOrientationPatientDICOM": [
      0,
      1,
      0,
      0,
      0,
      -1
    ],
    "ImageType": [
      "ORIGINAL",
      "PRIMARY",
      "OTHER"
    ],
    "ImagingFrequency": 127.697,
    "InPlanePhaseEncodingDirectionDICOM": "ROW",
    "InstitutionName": "NIH FMRIF",
    "MRAcquisitionType": "3D",
    "MagneticFieldStrength": 3,
    "Manufacturer": "GE",
    "ManufacturersModelName": "DISCOVERY MR750",
    "Modality": "MR",
    "ParallelReductionFactorInPlane": 2,
    "ParallelReductionOutOfPlane": 1.5,
    "PatientPosition": "HFS",
    "PercentPhaseFOV": 100,
    "PercentSampling": 100,
    "PhaseEncodingAxis": "i",
    "PixelBandwidth": 244.141,
    "ProcedureStepDescription": "MRI Brain",
    "ProtocolName": "ADNI3 FMRIF Enhanced Pro",
    "ReconMatrixPE": 256,
    "RepetitionTime": 3.216,
    "SAR": 0.4597,
    "ScanOptions": "SAT_GEMS\\EDR_GEMS\\PROMO_GEMS\\FILTERED_GEMS\\ACC_GEMS\\FS\\FR_GEMS",
    "ScanningSequence": "RM",
    "SequenceVariant": "NONE",
    "SeriesDescription": "Anat T2w CUBE (ABCD)",
    "SeriesNumber": 4,
    "SliceThickness": 1,
    "SoftwareVersions": "27\\LX\\MR Software release:DV26.0_R03_1831.b",
    "SpacingBetweenSlices": 1,
    "StationName": "FMRI3tb",
    "acq_id": "CUBE",
    "dataset": "ds004215",
    "modality": "T2w",
    "rec_id": "SCIC",
    "session_id": "01",
    "subject_id": "ON11394"
  },
  "cjv": 0.2230381086037898,
  "cnr": 5.04260246093369,
  "efc": 0.40173106645459145,
  "fber": 9041.657163354235,
  "fwhm_avg": 2.2751633333333334,
  "fwhm_x": 1.90684,
  "fwhm_y": 2.56358,
  "fwhm_z": 2.35507,
  "icvs_csf": 0.23579867937160484,
  "icvs_gm": 0.7025693144776333,
  "icvs_wm": 0.06163200615076187,
  "inu_med": 0.7025289833545685,
  "inu_range": 0.12021724879741669,
  "provenance": {
    "md5sum": "176aa4ef3be8b3defee15a00dbf1de37",
    "settings": {
      "testing": false
    },
    "software": "mriqc",
    "version": "22.0.6",
    "warnings": {
      "large_rot_frame": true,
      "small_air_mask": false
    },
    "webapi_port": null,
    "webapi_url": "https://mriqc.nimh.nih.gov/api/v1"
  },
  "qi_1": 0.0,
  "qi_2": 0.015569600265493753,
  "rpve_csf": 25.27107534508364,
  "rpve_gm": 11.791811431356898,
  "rpve_wm": 121.11000290149427,
  "size_x": 204,
  "size_y": 256,
  "size_z": 256,
  "snr_csf": 5.856908988323565,
  "snr_gm": 9.12280797274549,
  "snr_total": 5.277284289926988,
  "snr_wm": 0.8521359087119087,
  "snrd_csf": 222.55568045946245,
  "snrd_gm": 75.51152833193474,
  "snrd_total": 102.2827464974298,
  "snrd_wm": 8.781030700892225,
  "spacing_x": 1.0,
  "spacing_y": 1.0,
  "spacing_z": 1.0,
  "summary_bg_k": 50.85032104303923,
  "summary_bg_mad": 0.0,
  "summary_bg_mean": 54.51968609867116,
  "summary_bg_median": 0.0,
  "summary_bg_n": 3259052.0,
  "summary_bg_p05": 0.0,
  "summary_bg_p95": 186.79409831762314,
  "summary_bg_stdv": 74.67296642751317,
  "summary_csf_k": 5.463117422804769,
  "summary_csf_mad": 1463.280778748411,
  "summary_csf_mean": 23440.943784119525,
  "summary_csf_median": 25367.07295641303,
  "summary_csf_n": 35556.0,
  "summary_csf_p05": 13982.732872493565,
  "summary_csf_p95": 26583.84102475643,
  "summary_csf_stdv": 4331.07570639597,
  "summary_gm_k": 0.1063086244106417,
  "summary_gm_mad": 934.5160255122995,
  "summary_gm_mean": 8674.044875340467,
  "summary_gm_median": 8606.863883644342,
  "summary_gm_n": 402834.0,
  "summary_gm_p05": 7239.791726887226,
  "summary_gm_p95": 10343.61459311843,
  "summary_gm_stdv": 943.4434251448934,
  "summary_wm_k": 4.796353703098145,
  "summary_wm_mad": 761.9107223852862,
  "summary_wm_mean": 1400.1404932444734,
  "summary_wm_median": 1000.8688430786133,
  "summary_wm_n": 14111.0,
  "summary_wm_p05": 291.9200792312622,
  "summary_wm_p95": 3832.5370521098375,
  "summary_wm_stdv": 1174.4997107647505,
  "tpm_overlap_csf": 0.1673618260094342,
  "tpm_overlap_gm": 0.4152461919684051,
  "tpm_overlap_wm": 0.012932519089253906,
  "wm2max": 0.03758993686065293
}