{
  "bids_meta": {
    "AcquisitionMatrixPE": 256,
    "AcquisitionNumber": 1,
    "AcquisitionTime": "15:18:4.000000",
    "BodyPartExamined": "BRAIN",
    "CoilString": "32Ch Head",
    "ConversionSoftware": "dcm2niix",
    "ConversionSoftwareVersion": "v1.0.20211006",
    "Dcm2bidsVersion": "2.1.6",
    "DeviceSerialNumber": "000301496MR3T6MR",
    "EchoTime": 0.00294,
    "FlipAngle": 8,
    "ImageOrientationPatientDICOM": [
      0,
      1,
      0,
      0,
      0,
      -1
    ],
    "ImageType": [
      "ORIGINAL",
      "PRIMARY",
      "OTHER"
    ],
    "ImagingFrequency": 127.697,
    "InPlanePhaseEncodingDirectionDICOM": "ROW",
    "InstitutionName": "NIH FMRIF",
    "InversionTime": 1.06,
    "MRAcquisitionType": "3D",
    "MagneticFieldStrength": 3,
    "Manufacturer": "GE",
    "ManufacturersModelName": "DISCOVERY MR750",
    "Modality": "MR",
    "ParallelReductionFactorInPlane": 2,
    "ParallelReductionOutOfPlane": 2,
    "PatientPosition": "HFS",
    "PercentPhaseFOV": 100,
    "PercentSampling": 100,
    "PixelBandwidth": 244.141,
    "ProcedureStepDescription": "MRI BRAIN",
    "ProtocolName": "FMRIF - Clinical 32Ch Br",
    "ReconMatrixPE": 256,
    "RepetitionTime": 0.00668,
    "SAR": 0.0642203,
    "ScanOptions": "EDR_GEMS\\FILTERED_GEMS\\ACC_GEMS\\IR_GEMS",
    "ScanningSequence": "RM",
    "SequenceVariant": "NONE",
    "SeriesDescription": "Sag_MPRAGE_T1",
    "SeriesNumber": 7,
    "SliceThickness": 1,
    "SoftwareVersions": "27\\LX\\MR Software release:DV26.0_R01_1725.a",
    "SpacingBetweenSlices": 1,
    "StationName": "fmrif3tb",
    "acq_id": "SagittalMPRAGE",
    "dataset": "ds004215",
    "modality": "T1w",
    "rec_id": "SCIC",
    "session_id": "01",
    "subject_id": "ON87538"
  },
  "cjv": 0.360491675825132,
  "cnr": 3.7908493156173964,
  "efc": 0.6487735144886482,
  "fber": 11807.767403266662,
  "fwhm_avg": 3.3592366666666664,
  "fwhm_x": 3.26853,
  "fwhm_y": 3.58751,
  "fwhm_z": 3.22167,
  "icvs_csf": 0.2235775555158043,
  "icvs_gm": 0.44243593192758013,
  "icvs_wm": 0.33398651255661554,
  "inu_med": 0.5676438510417938,
  "inu_range": 0.0751525968313217,
  "provenance": {
    "md5sum": "9fe9b5c7e660236caa74e6febdc16c05",
    "settings": {
      "testing": false
    },
    "software": "mriqc",
    "version": "22.0.6",
    "warnings": {
      "large_rot_frame": true,
      "small_air_mask": false
    },
    "webapi_port": null,
    "webapi_url": "https://mriqc.nimh.nih.gov/api/v1"
  },
  "qi_1": 0.0,
  "qi_2": 0.0019587978821405416,
  "rpve_csf": 31.74914058767879,
  "rpve_gm": 16.617169862213963,
  "rpve_wm": 25.011646518214743,
  "size_x": 208,
  "size_y": 256,
  "size_z": 256,
  "snr_csf": 1.4921541364054103,
  "snr_gm": 8.620421241506323,
  "snr_total": 9.31471524115578,
  "snr_wm": 17.8315703455556,
  "snrd_csf": 10.530158547550487,
  "snrd_gm": 39.717566387147095,
  "snrd_total": 37.3162603640065,
  "snrd_wm": 61.70105615732192,
  "spacing_x": 1.0,
  "spacing_y": 1.0,
  "spacing_z": 1.0,
  "summary_bg_k": 7.758261305751251,
  "summary_bg_mad": 0.0,
  "summary_bg_mean": 6.012355837119567,
  "summary_bg_median": 0.0,
  "summary_bg_n": 791786.0,
  "summary_bg_p05": 0.0,
  "summary_bg_p95": 30.867194106802344,
  "summary_bg_stdv": 10.618215484123844,
  "summary_csf_k": 1.1835387566087672,
  "summary_csf_mad": 85.60068813481567,
  "summary_csf_mean": 204.0062824267128,
  "summary_csf_median": 170.66902791522443,
  "summary_csf_n": 28356.0,
  "summary_csf_p05": 75.09779879823327,
  "summary_csf_p95": 447.402988771908,
  "summary_csf_stdv": 114.37559587575122,
  "summary_gm_k": 0.029583493047656173,
  "summary_gm_mad": 74.21266384783969,
  "summary_gm_mean": 643.926074462173,
  "summary_gm_median": 643.728051751852,
  "summary_gm_n": 30947.0,
  "summary_gm_p05": 520.5790834411979,
  "summary_gm_p95": 767.530913443677,
  "summary_gm_stdv": 74.6735725716521,
  "summary_wm_k": 0.3496651631363328,
  "summary_wm_mad": 54.230703017160664,
  "summary_wm_mean": 1000.0038773431045,
  "summary_wm_median": 1000.0285587497056,
  "summary_wm_n": 156349.0,
  "summary_wm_p05": 908.0551709439605,
  "summary_wm_p95": 1091.5450778175145,
  "summary_wm_stdv": 56.081732640487694,
  "tpm_overlap_csf": 0.15265512422698288,
  "tpm_overlap_gm": 0.46632170354364016,
  "tpm_overlap_wm": 0.4983153136564172,
  "wm2max": 0.5858775114174348
}