{
  "aor": 0.03286,
  "aqi": 0.0008615317777777777,
  "bids_meta": {
    "AcquisitionMatrixPE": 64,
    "AcquisitionNumber": 1,
    "AcquisitionTime": "17:14:42.000000",
    "BodyPartExamined": "BRAIN",
    "CoilString": "32Ch Head",
    "ConversionSoftware": "dcm2niix",
    "ConversionSoftwareVersion": "v1.0.20211006",
    "Dcm2bidsVersion": "2.1.6",
    "DeviceSerialNumber": "000301496MR3T6MR",
    "EchoTime": 0.0169,
    "EffectiveEchoSpacing": 0.000416,
    "FlipAngle": 90,
    "ImageOrientationPatientDICOM": [
      1,
      0,
      0,
      0,
      1,
      0
    ],
    "ImageType": [
      "ORIGINAL",
      "PRIMARY",
      "OTHER"
    ],
    "ImagingFrequency": 127.697,
    "InPlanePhaseEncodingDirectionDICOM": "COL",
    "InstitutionName": "NIH FMRIF",
    "InternalPulseSequenceName": "EPI",
    "MRAcquisitionType": "2D",
    "MagneticFieldStrength": 3,
    "Manufacturer": "GE",
    "ManufacturersModelName": "DISCOVERY MR750",
    "Modality": "MR",
    "PatientPosition": "HFS",
    "PercentPhaseFOV": 100,
    "PercentSampling": 100,
    "PhaseEncodingDirection": "j",
    "PhaseEncodingPolarityGE": "Flipped",
    "PixelBandwidth": 7812.5,
    "ProcedureStepDescription": "MRI Brain",
    "ProtocolName": "ADNI3 FMRIF Enhanced Pro",
    "PulseSequenceName": "epi",
    "ReconMatrixPE": 64,
    "RepetitionTime": 3,
    "SAR": 0.16587,
    "ScanOptions": "MP_GEMS\\EPI_GEMS\\PFF",
    "ScanningSequence": "EP\\GR",
    "SequenceVariant": "SS",
    "SeriesDescription": "Axial rsfMRI reverse blip - RKV",
    "SeriesNumber": 12,
    "SliceThickness": 3.4,
    "SliceTiming": [
      0,
      1.5,
      0.0625,
      1.5625,
      0.125,
      1.625,
      0.1875,
      1.6875,
      0.25,
      1.75,
      0.3125,
      1.8125,
      0.375,
      1.875,
      0.4375,
      1.9375,
      0.5,
      2,
      0.5625,
      2.0625,
      0.625,
      2.125,
      0.6875,
      2.1875,
      0.75,
      2.25,
      0.8125,
      2.3125,
      0.875,
      2.375,
      0.9375,
      2.4375,
      1,
      2.5,
      1.0625,
      2.5625,
      1.125,
      2.625,
      1.1875,
      2.6875,
      1.25,
      2.75,
      1.3125,
      2.8125,
      1.375,
      2.875,
      1.4375,
      2.9375
    ],
    "SoftwareVersions": "27\\LX\\MR Software release:DV26.0_R01_1725.a",
    "SpacingBetweenSlices": 3.4,
    "StationName": "fmrif3tb",
    "TaskName": "Resting state with reverse blip.",
    "TotalReadoutTime": 0.026208,
    "TriggerDelayTime": 29938,
    "dataset": "ds004215",
    "modality": "bold",
    "session_id": "01",
    "subject_id": "ON66557",
    "task_id": "rest"
  },
  "dummy_trs": 1,
  "dvars_nstd": 13.49894154125,
  "dvars_std": 1.3786331125,
  "dvars_vstd": 1.3607495149999997,
  "efc": 0.45225680213283775,
  "fber": 5693.8525390625,
  "fd_mean": 0.13996083178271865,
  "fd_num": 1,
  "fd_perc": 11.11111111111111,
  "fwhm_avg": 2.7943655729778123,
  "fwhm_x": 2.7874821818181816,
  "fwhm_y": 2.574292363636364,
  "fwhm_z": 3.0213221734788904,
  "gcor": 0.0454202,
  "gsr_x": -0.005801525432616472,
  "gsr_y": 0.043084144592285156,
  "provenance": {
    "md5sum": "135c5e4472cbc9d27f0accede0c710f2",
    "settings": {
      "fd_thres": 0.2,
      "testing": false
    },
    "software": "mriqc",
    "version": "22.0.6",
    "webapi_port": null,
    "webapi_url": "https://mriqc.nimh.nih.gov/api/v1"
  },
  "size_t": 9,
  "size_x": 64,
  "size_y": 64,
  "size_z": 48,
  "snr": 3.9770615204540434,
  "spacing_tr": 3.0,
  "spacing_x": 3.4375,
  "spacing_y": 3.4375,
  "spacing_z": 3.4000015258789062,
  "summary_bg_k": 25.786826100168227,
  "summary_bg_mad": 9.554550772413117,
  "summary_bg_mean": 128.53253173828125,
  "summary_bg_median": 33.55555725097656,
  "summary_bg_n": 134771.0,
  "summary_bg_p05": 24.66666603088379,
  "summary_bg_p95": 671.5555419921875,
  "summary_bg_stdv": 264.87298583984375,
  "summary_fg_k": 2.440906008928364,
  "summary_fg_mad": 506.7205720055662,
  "summary_fg_mean": 2616.26708984375,
  "summary_fg_median": 2525.666748046875,
  "summary_fg_n": 25939.0,
  "summary_fg_p05": 1729.0999755859375,
  "summary_fg_p95": 3806.3221679687485,
  "summary_fg_stdv": 635.0462646484375,
  "tsnr": 183.7854407262057
}