{
  "aor": 0.0010783756345177664,
  "aqi": 0.0011926452842639596,
  "bids_meta": {
    "AcquisitionMatrixPE": 64,
    "AcquisitionNumber": 1,
    "AcquisitionTime": "17:04:0.000000",
    "BodyPartExamined": "BRAIN",
    "CoilString": "32Ch Head",
    "ConversionSoftware": "dcm2niix",
    "ConversionSoftwareVersion": "v1.0.20211006",
    "Dcm2bidsVersion": "2.1.6",
    "DeviceSerialNumber": "000301496MR3T6MR",
    "EchoTime": 0.0169,
    "EffectiveEchoSpacing": 0.000416,
    "FlipAngle": 90,
    "ImageOrientationPatientDICOM": [
      1,
      0,
      0,
      0,
      1,
      0
    ],
    "ImageType": [
      "ORIGINAL",
      "PRIMARY",
      "OTHER"
    ],
    "ImagingFrequency": 127.697,
    "InPlanePhaseEncodingDirectionDICOM": "COL",
    "InstitutionName": "NIH FMRIF",
    "InternalPulseSequenceName": "EPI",
    "MRAcquisitionType": "2D",
    "MagneticFieldStrength": 3,
    "Manufacturer": "GE",
    "ManufacturersModelName": "DISCOVERY MR750",
    "Modality": "MR",
    "PatientPosition": "HFS",
    "PercentPhaseFOV": 100,
    "PercentSampling": 100,
    "PhaseEncodingDirection": "j",
    "PhaseEncodingPolarityGE": "Flipped",
    "PixelBandwidth": 7812.5,
    "ProcedureStepDescription": "MRI Brain",
    "ProtocolName": "ADNI3 FMRIF Enhanced Pro",
    "PulseSequenceName": "epi",
    "ReconMatrixPE": 64,
    "RepetitionTime": 3,
    "SAR": 0.16587,
    "ScanOptions": "MP_GEMS\\EPI_GEMS\\PFF",
    "ScanningSequence": "EP\\GR",
    "SequenceVariant": "SS",
    "SeriesDescription": "Axial rsfMRI with Eyes Open - RKV",
    "SeriesNumber": 11,
    "SliceThickness": 3.4,
    "SliceTiming": [
      0,
      1.5,
      0.0625,
      1.5625,
      0.125,
      1.625,
      0.1875,
      1.6875,
      0.25,
      1.75,
      0.3125,
      1.8125,
      0.375,
      1.875,
      0.4375,
      1.9375,
      0.5,
      2,
      0.5625,
      2.0625,
      0.625,
      2.125,
      0.6875,
      2.1875,
      0.75,
      2.25,
      0.8125,
      2.3125,
      0.875,
      2.375,
      0.9375,
      2.4375,
      1,
      2.5,
      1.0625,
      2.5625,
      1.125,
      2.625,
      1.1875,
      2.6875,
      1.25,
      2.75,
      1.3125,
      2.8125,
      1.375,
      2.875,
      1.4375,
      2.9375
    ],
    "SoftwareVersions": "27\\LX\\MR Software release:DV26.0_R01_1725.a",
    "SpacingBetweenSlices": 3.4,
    "StationName": "fmrif3tb",
    "TaskName": "Resting state with eyes open.",
    "TotalReadoutTime": 0.026208,
    "TriggerDelayTime": 599938,
    "dataset": "ds004215",
    "modality": "bold",
    "session_id": "01",
    "subject_id": "ON66557",
    "task_id": "rest"
  },
  "dummy_trs": 3,
  "dvars_nstd": 12.610393947551026,
  "dvars_std": 1.2253878079591833,
  "dvars_vstd": 0.9665598885714288,
  "efc": 0.45116670331562403,
  "fber": 5682.27587890625,
  "fd_mean": 0.06490552652181789,
  "fd_num": 2,
  "fd_perc": 1.015228426395939,
  "fwhm_avg": 2.8071312010069165,
  "fwhm_x": 2.7941934545454545,
  "fwhm_y": 2.5739956363636365,
  "fwhm_z": 3.0532045121116584,
  "gcor": 0.0461488,
  "gsr_x": -0.005895718932151794,
  "gsr_y": 0.04191531613469124,
  "provenance": {
    "md5sum": "0ad42fe09b1dabe2d81d8bbfa732b2d2",
    "settings": {
      "fd_thres": 0.2,
      "testing": false
    },
    "software": "mriqc",
    "version": "22.0.6",
    "webapi_port": null,
    "webapi_url": "https://mriqc.nimh.nih.gov/api/v1"
  },
  "size_t": 197,
  "size_x": 64,
  "size_y": 64,
  "size_z": 48,
  "snr": 3.9055783821850403,
  "spacing_tr": 3.0,
  "spacing_x": 3.4375,
  "spacing_y": 3.4375,
  "spacing_z": 3.4000015258789062,
  "summary_bg_k": 19.035048452215108,
  "summary_bg_mad": 9.806245438436962,
  "summary_bg_mean": 125.82357025146484,
  "summary_bg_median": 33.70558166503906,
  "summary_bg_n": 134729.0,
  "summary_bg_p05": 23.61928939819336,
  "summary_bg_p95": 654.9542846679688,
  "summary_bg_stdv": 251.9620819091797,
  "summary_fg_k": 2.630647292686021,
  "summary_fg_mad": 505.82326465701266,
  "summary_fg_mean": 2616.036865234375,
  "summary_fg_median": 2521.299560546875,
  "summary_fg_n": 26005.0,
  "summary_fg_p05": 1725.256787109375,
  "summary_fg_p95": 3827.3034179687497,
  "summary_fg_stdv": 645.55126953125,
  "tsnr": 125.47402900829911
}