{
  "aor": 0.003552562814070352,
  "aqi": 0.0039035928643216078,
  "bids_meta": {
    "AcquisitionMatrixPE": 64,
    "AcquisitionNumber": 1,
    "AcquisitionTime": "14:50:45.000000",
    "BodyPartExamined": "BRAIN",
    "CoilString": "32Ch Head",
    "ConversionSoftware": "dcm2niix",
    "ConversionSoftwareVersion": "v1.0.20211006",
    "Dcm2bidsVersion": "2.1.6",
    "DeviceSerialNumber": "000301496MR3T6MR",
    "EchoTime": 0.0169,
    "EffectiveEchoSpacing": 0.000416,
    "FlipAngle": 90,
    "ImageOrientationPatientDICOM": [
      1,
      0,
      0,
      0,
      1,
      0
    ],
    "ImageType": [
      "ORIGINAL",
      "PRIMARY",
      "OTHER"
    ],
    "ImagingFrequency": 127.697,
    "InPlanePhaseEncodingDirectionDICOM": "COL",
    "InstitutionName": "NIH FMRIF",
    "InternalPulseSequenceName": "EPI",
    "MRAcquisitionType": "2D",
    "MagneticFieldStrength": 3,
    "Manufacturer": "GE",
    "ManufacturersModelName": "DISCOVERY MR750",
    "Modality": "MR",
    "PatientPosition": "HFS",
    "PercentPhaseFOV": 100,
    "PercentSampling": 100,
    "PhaseEncodingDirection": "j",
    "PhaseEncodingPolarityGE": "Flipped",
    "PixelBandwidth": 7812.5,
    "ProcedureStepDescription": "MRI Brain",
    "ProtocolName": "ADNI3 FMRIF Enhanced Pro",
    "PulseSequenceName": "epi",
    "ReconMatrixPE": 64,
    "RepetitionTime": 3,
    "SAR": 0.151011,
    "ScanOptions": "MP_GEMS\\EPI_GEMS\\PFF",
    "ScanningSequence": "EP\\GR",
    "SequenceVariant": "SS",
    "SeriesDescription": "Axial rsfMRI with Eyes Open - RKV",
    "SeriesNumber": 10,
    "SliceThickness": 3.4,
    "SliceTiming": [
      0,
      1.5,
      0.0625,
      1.5625,
      0.125,
      1.625,
      0.1875,
      1.6875,
      0.25,
      1.75,
      0.3125,
      1.8125,
      0.375,
      1.875,
      0.4375,
      1.9375,
      0.5,
      2,
      0.5625,
      2.0625,
      0.625,
      2.125,
      0.6875,
      2.1875,
      0.75,
      2.25,
      0.8125,
      2.3125,
      0.875,
      2.375,
      0.9375,
      2.4375,
      1,
      2.5,
      1.0625,
      2.5625,
      1.125,
      2.625,
      1.1875,
      2.6875,
      1.25,
      2.75,
      1.3125,
      2.8125,
      1.375,
      2.875,
      1.4375,
      2.9375
    ],
    "SoftwareVersions": "27\\LX\\MR Software release:DV26.0_R03_1831.b",
    "SpacingBetweenSlices": 3.4,
    "StationName": "FMRI3tb",
    "TaskName": "Resting state with eyes open.",
    "TotalReadoutTime": 0.026208,
    "TriggerDelayTime": 599938,
    "dataset": "ds004215",
    "modality": "bold",
    "session_id": "01",
    "subject_id": "ON63734",
    "task_id": "rest"
  },
  "dummy_trs": 1,
  "dvars_nstd": 14.525320419141408,
  "dvars_std": 1.089163793333333,
  "dvars_vstd": 0.943082941464647,
  "efc": 0.46234057757075425,
  "fber": 4442.3876953125,
  "fd_mean": 0.17177894056078336,
  "fd_num": 53,
  "fd_perc": 26.633165829145728,
  "fwhm_avg": 2.7112951233116362,
  "fwhm_x": 2.5915810909090906,
  "fwhm_y": 2.539034181818182,
  "fwhm_z": 3.0032700972076367,
  "gcor": 0.0637448,
  "gsr_x": 0.0047822692431509495,
  "gsr_y": 0.04456837847828865,
  "provenance": {
    "md5sum": "56251645ef67399cecca30a440c22c91",
    "settings": {
      "fd_thres": 0.2,
      "testing": false
    },
    "software": "mriqc",
    "version": "22.0.6",
    "webapi_port": null,
    "webapi_url": "https://mriqc.nimh.nih.gov/api/v1"
  },
  "size_t": 199,
  "size_x": 64,
  "size_y": 64,
  "size_z": 48,
  "snr": 4.219261289355102,
  "spacing_tr": 3.0,
  "spacing_x": 3.4375,
  "spacing_y": 3.4375,
  "spacing_z": 3.399993896484375,
  "summary_bg_k": 28.481696299793327,
  "summary_bg_mad": 14.140596352817859,
  "summary_bg_mean": 142.68450927734375,
  "summary_bg_median": 36.02009963989258,
  "summary_bg_n": 136091.0,
  "summary_bg_p05": 20.502511978149414,
  "summary_bg_p95": 735.3743591308594,
  "summary_bg_stdv": 279.9871520996094,
  "summary_fg_k": 1.714531892873758,
  "summary_fg_mad": 472.3093419373423,
  "summary_fg_mean": 2420.84326171875,
  "summary_fg_median": 2353.10546875,
  "summary_fg_n": 24716.0,
  "summary_fg_p05": 1621.1494445800781,
  "summary_fg_p95": 3438.6017456054688,
  "summary_fg_stdv": 557.6942749023438,
  "tsnr": 80.53254280937836
}