{
  "aor": 0.004658939393939394,
  "aqi": 0.0019334546464646466,
  "bids_meta": {
    "AcquisitionMatrixPE": 64,
    "AcquisitionNumber": 1,
    "AcquisitionTime": "15:52:20.000000",
    "BodyPartExamined": "BRAIN",
    "CoilString": "32Ch Head",
    "ConversionSoftware": "dcm2niix",
    "ConversionSoftwareVersion": "v1.0.20211006",
    "Dcm2bidsVersion": "2.1.6",
    "DeviceSerialNumber": "000301496MR3T6MR",
    "EchoTime": 0.0169,
    "EffectiveEchoSpacing": 0.000416,
    "FlipAngle": 90,
    "ImageOrientationPatientDICOM": [
      1,
      0,
      0,
      0,
      1,
      0
    ],
    "ImageType": [
      "ORIGINAL",
      "PRIMARY",
      "OTHER"
    ],
    "ImagingFrequency": 127.697,
    "InPlanePhaseEncodingDirectionDICOM": "COL",
    "InstitutionName": "NIH FMRIF",
    "InternalPulseSequenceName": "EPI",
    "MRAcquisitionType": "2D",
    "MagneticFieldStrength": 3,
    "Manufacturer": "GE",
    "ManufacturersModelName": "DISCOVERY MR750",
    "Modality": "MR",
    "PatientPosition": "HFS",
    "PercentPhaseFOV": 100,
    "PercentSampling": 100,
    "PhaseEncodingDirection": "j",
    "PhaseEncodingPolarityGE": "Flipped",
    "PixelBandwidth": 7812.5,
    "ProcedureStepDescription": "MRI Brain",
    "ProtocolName": "ADNI3 FMRIF Enhanced Pro",
    "PulseSequenceName": "epi",
    "ReconMatrixPE": 64,
    "RepetitionTime": 3,
    "SAR": 0.200202,
    "ScanOptions": "MP_GEMS\\EPI_GEMS\\PFF",
    "ScanningSequence": "EP\\GR",
    "SequenceVariant": "SS",
    "SeriesDescription": "Axial rsfMRI with Eyes Open - RKV",
    "SeriesNumber": 11,
    "SliceThickness": 3.4,
    "SliceTiming": [
      0,
      1.5,
      0.0625,
      1.5625,
      0.125,
      1.625,
      0.1875,
      1.6875,
      0.25,
      1.75,
      0.3125,
      1.8125,
      0.375,
      1.875,
      0.4375,
      1.9375,
      0.5,
      2,
      0.5625,
      2.0625,
      0.625,
      2.125,
      0.6875,
      2.1875,
      0.75,
      2.25,
      0.8125,
      2.3125,
      0.875,
      2.375,
      0.9375,
      2.4375,
      1,
      2.5,
      1.0625,
      2.5625,
      1.125,
      2.625,
      1.1875,
      2.6875,
      1.25,
      2.75,
      1.3125,
      2.8125,
      1.375,
      2.875,
      1.4375,
      2.9375
    ],
    "SoftwareVersions": "27\\LX\\MR Software release:DV26.0_R01_1725.a",
    "SpacingBetweenSlices": 3.4,
    "StationName": "fmrif3tb",
    "TaskName": "Resting state with eyes open.",
    "TotalReadoutTime": 0.026208,
    "TriggerDelayTime": 599938,
    "dataset": "ds004215",
    "modality": "bold",
    "session_id": "01",
    "subject_id": "ON93016",
    "task_id": "rest"
  },
  "dummy_trs": 2,
  "dvars_nstd": 13.269690878883251,
  "dvars_std": 1.3214777619289344,
  "dvars_vstd": 0.9837707122335023,
  "efc": 0.49476812635334544,
  "fber": 3454.753173828125,
  "fd_mean": 0.06304740330497872,
  "fd_num": 6,
  "fd_perc": 3.0303030303030303,
  "fwhm_avg": 2.883129565087432,
  "fwhm_x": 2.769527272727273,
  "fwhm_y": 2.6863592727272727,
  "fwhm_z": 3.1935021498077507,
  "gcor": 0.0636281,
  "gsr_x": -0.000670312438160181,
  "gsr_y": 0.04338764771819115,
  "provenance": {
    "md5sum": "bec1486aef7ee3682b792900e32a6cd5",
    "settings": {
      "fd_thres": 0.2,
      "testing": false
    },
    "software": "mriqc",
    "version": "22.0.6",
    "webapi_port": null,
    "webapi_url": "https://mriqc.nimh.nih.gov/api/v1"
  },
  "size_t": 198,
  "size_x": 64,
  "size_y": 64,
  "size_z": 48,
  "snr": 3.7589980024489327,
  "spacing_tr": 3.0,
  "spacing_x": 3.4375,
  "spacing_y": 3.4375,
  "spacing_z": 3.3999977111816406,
  "summary_bg_k": 19.27804785496975,
  "summary_bg_mad": 26.05036682723549,
  "summary_bg_mean": 179.40182495117188,
  "summary_bg_median": 45.787879943847656,
  "summary_bg_n": 128971.0,
  "summary_bg_p05": 22.648990631103516,
  "summary_bg_p95": 868.7929382324219,
  "summary_bg_stdv": 323.2698059082031,
  "summary_fg_k": 1.9235786572931834,
  "summary_fg_mad": 600.9068957302326,
  "summary_fg_mean": 2705.87841796875,
  "summary_fg_median": 2617.9091796875,
  "summary_fg_n": 30226.0,
  "summary_fg_p05": 1711.4166870117188,
  "summary_fg_p95": 3965.6452026367188,
  "summary_fg_stdv": 696.426513671875,
  "tsnr": 102.50071662012488
}