{
  "aor": 0.009696633165829145,
  "aqi": 0.0025577829195979895,
  "bids_meta": {
    "AcquisitionMatrixPE": 64,
    "AcquisitionNumber": 1,
    "AcquisitionTime": "14:47:9.000000",
    "BodyPartExamined": "BRAIN",
    "CoilString": "32Ch Head",
    "ConversionSoftware": "dcm2niix",
    "ConversionSoftwareVersion": "v1.0.20211006",
    "Dcm2bidsVersion": "2.1.6",
    "DeviceSerialNumber": "000301496MR3T6MR",
    "EchoTime": 0.0169,
    "EffectiveEchoSpacing": 0.000416,
    "FlipAngle": 90,
    "ImageOrientationPatientDICOM": [
      1,
      0,
      0,
      0,
      1,
      0
    ],
    "ImageType": [
      "ORIGINAL",
      "PRIMARY",
      "OTHER"
    ],
    "ImagingFrequency": 127.697,
    "InPlanePhaseEncodingDirectionDICOM": "COL",
    "InstitutionName": "NIH FMRIF",
    "InternalPulseSequenceName": "EPI",
    "MRAcquisitionType": "2D",
    "MagneticFieldStrength": 3,
    "Manufacturer": "GE",
    "ManufacturersModelName": "DISCOVERY MR750",
    "Modality": "MR",
    "PatientPosition": "HFS",
    "PercentPhaseFOV": 100,
    "PercentSampling": 100,
    "PhaseEncodingDirection": "j",
    "PhaseEncodingPolarityGE": "Flipped",
    "PixelBandwidth": 7812.5,
    "ProcedureStepDescription": "MRI Brain",
    "ProtocolName": "ADNI3 FMRIF Enhanced Pro",
    "PulseSequenceName": "epi",
    "ReconMatrixPE": 64,
    "RepetitionTime": 3,
    "SAR": 0.15159,
    "ScanOptions": "MP_GEMS\\EPI_GEMS\\PFF",
    "ScanningSequence": "EP\\GR",
    "SequenceVariant": "SS",
    "SeriesDescription": "Axial rsfMRI with Eyes Open - RKV",
    "SeriesNumber": 11,
    "SliceThickness": 3.4,
    "SliceTiming": [
      0,
      1.5,
      0.0625,
      1.5625,
      0.125,
      1.625,
      0.1875,
      1.6875,
      0.25,
      1.75,
      0.3125,
      1.8125,
      0.375,
      1.875,
      0.4375,
      1.9375,
      0.5,
      2,
      0.5625,
      2.0625,
      0.625,
      2.125,
      0.6875,
      2.1875,
      0.75,
      2.25,
      0.8125,
      2.3125,
      0.875,
      2.375,
      0.9375,
      2.4375,
      1,
      2.5,
      1.0625,
      2.5625,
      1.125,
      2.625,
      1.1875,
      2.6875,
      1.25,
      2.75,
      1.3125,
      2.8125,
      1.375,
      2.875,
      1.4375,
      2.9375
    ],
    "SoftwareVersions": "27\\LX\\MR Software release:DV26.0_R01_1725.a",
    "SpacingBetweenSlices": 3.4,
    "StationName": "fmrif3tb",
    "TaskName": "Resting state with eyes open.",
    "TotalReadoutTime": 0.026208,
    "TriggerDelayTime": 599938,
    "dataset": "ds004215",
    "modality": "bold",
    "session_id": "01",
    "subject_id": "ON78603",
    "task_id": "rest"
  },
  "dummy_trs": 1,
  "dvars_nstd": 14.62790109176768,
  "dvars_std": 1.4205818983333343,
  "dvars_vstd": 1.0263459336363632,
  "efc": 0.4799414363036201,
  "fber": 4387.21484375,
  "fd_mean": 0.06694679856535177,
  "fd_num": 8,
  "fd_perc": 4.0201005025125625,
  "fwhm_avg": 2.6119716472134193,
  "fwhm_x": 2.599415272727273,
  "fwhm_y": 2.3777803636363637,
  "fwhm_z": 2.8587193052766215,
  "gcor": 0.0952661,
  "gsr_x": 0.02720162272453308,
  "gsr_y": 0.0341239832341671,
  "provenance": {
    "md5sum": "90f34b81fcc277a220c0f1f1c2edbe83",
    "settings": {
      "fd_thres": 0.2,
      "testing": false
    },
    "software": "mriqc",
    "version": "22.0.6",
    "webapi_port": null,
    "webapi_url": "https://mriqc.nimh.nih.gov/api/v1"
  },
  "size_t": 199,
  "size_x": 64,
  "size_y": 64,
  "size_z": 48,
  "snr": 4.2343953269115815,
  "spacing_tr": 3.0,
  "spacing_x": 3.4375,
  "spacing_y": 3.4375,
  "spacing_z": 3.4000015258789062,
  "summary_bg_k": 28.449651792628885,
  "summary_bg_mad": 15.772205908320904,
  "summary_bg_mean": 154.4766387939453,
  "summary_bg_median": 38.94974899291992,
  "summary_bg_n": 131110.0,
  "summary_bg_p05": 25.035175323486328,
  "summary_bg_p95": 784.9326416015618,
  "summary_bg_stdv": 319.2900390625,
  "summary_fg_k": 1.0168832579363398,
  "summary_fg_mad": 533.5655899585613,
  "summary_fg_mean": 2611.0341796875,
  "summary_fg_median": 2535.859375,
  "summary_fg_n": 27204.0,
  "summary_fg_p05": 1747.2996765136718,
  "summary_fg_p95": 3696.6557861328124,
  "summary_fg_stdv": 598.8606567382812,
  "tsnr": 99.98815692937933
}