{
  "bids_meta": {
    "AcquisitionMatrixPE": 256,
    "AcquisitionNumber": 1,
    "AcquisitionTime": "15:30:29.000000",
    "BodyPartExamined": "BRAIN",
    "CoilString": "32Ch Head",
    "ConversionSoftware": "dcm2niix",
    "ConversionSoftwareVersion": "v1.0.20211006",
    "Dcm2bidsVersion": "2.1.6",
    "DeviceSerialNumber": "000301496MR3T6MR",
    "EchoTime": 0.066902,
    "EchoTrainLength": 140,
    "FlipAngle": 90,
    "ImageOrientationPatientDICOM": [
      0,
      1,
      0,
      0,
      0,
      -1
    ],
    "ImageType": [
      "ORIGINAL",
      "PRIMARY",
      "OTHER"
    ],
    "ImagingFrequency": 127.697,
    "InPlanePhaseEncodingDirectionDICOM": "ROW",
    "InstitutionName": "NIH FMRIF",
    "MRAcquisitionType": "3D",
    "MagneticFieldStrength": 3,
    "Manufacturer": "GE",
    "ManufacturersModelName": "DISCOVERY MR750",
    "Modality": "MR",
    "ParallelReductionFactorInPlane": 2,
    "ParallelReductionOutOfPlane": 1.5,
    "PatientPosition": "HFS",
    "PercentPhaseFOV": 100,
    "PercentSampling": 100,
    "PhaseEncodingAxis": "i",
    "PixelBandwidth": 244.141,
    "ProcedureStepDescription": "MRI Brain",
    "ProtocolName": "ADNI3 FMRIF Enhanced Pro",
    "ReconMatrixPE": 256,
    "RepetitionTime": 3.202,
    "SAR": 0.4638,
    "ScanOptions": "SAT_GEMS\\EDR_GEMS\\PROMO_GEMS\\ACC_GEMS\\FS\\FR_GEMS",
    "ScanningSequence": "RM",
    "SequenceVariant": "NONE",
    "SeriesDescription": "ORIG Anat T2w CUBE (ABCD)",
    "SeriesNumber": 40004,
    "SliceThickness": 1,
    "SoftwareVersions": "27\\LX\\MR Software release:DV26.0_R01_1725.a",
    "SpacingBetweenSlices": 1,
    "StationName": "fmrif3tb",
    "acq_id": "CUBE",
    "dataset": "ds004215",
    "modality": "T2w",
    "session_id": "01",
    "subject_id": "ON95003"
  },
  "cjv": 1.2461836763977132,
  "cnr": 0.5232369010359584,
  "efc": 0.36492868480881047,
  "fber": 18337.673611111113,
  "fwhm_avg": 2.3264,
  "fwhm_x": 1.99548,
  "fwhm_y": 2.56048,
  "fwhm_z": 2.42324,
  "icvs_csf": 0.2537798615384485,
  "icvs_gm": 0.5709121268268762,
  "icvs_wm": 0.17530801163467527,
  "inu_med": 0.8408060967922211,
  "inu_range": 0.49662967026233673,
  "provenance": {
    "md5sum": "d212c92994f6033eb8963dce5c2086ae",
    "settings": {
      "testing": false
    },
    "software": "mriqc",
    "version": "22.0.6",
    "warnings": {
      "large_rot_frame": true,
      "small_air_mask": false
    },
    "webapi_port": null,
    "webapi_url": "https://mriqc.nimh.nih.gov/api/v1"
  },
  "qi_1": 0.0,
  "qi_2": 0.024276420011045047,
  "rpve_csf": 22.939672164084232,
  "rpve_gm": 13.267106565291456,
  "rpve_wm": 44.869727163930236,
  "size_x": 204,
  "size_y": 256,
  "size_z": 256,
  "snr_csf": 10.373578264352117,
  "snr_gm": 11.445183631688987,
  "snr_total": 7.414612688463424,
  "snr_wm": 0.4250761693491687,
  "snrd_csf": 108.35148673644935,
  "snrd_gm": 76.12542256320276,
  "snrd_total": 72.84490242053018,
  "snrd_wm": 34.057797961938405,
  "spacing_x": 1.0,
  "spacing_y": 1.0,
  "spacing_z": 1.0,
  "summary_bg_k": 3.9370337565033084,
  "summary_bg_mad": 0.0,
  "summary_bg_mean": 14.703102202405145,
  "summary_bg_median": 0.0,
  "summary_bg_n": 4802534.0,
  "summary_bg_p05": 0.0,
  "summary_bg_p95": 53.426637291908264,
  "summary_bg_stdv": 19.2872971472131,
  "summary_csf_k": 1.1004191972801163,
  "summary_csf_mad": 277.56593580148734,
  "summary_csf_mean": 3216.9396531650323,
  "summary_csf_median": 3189.8812537789345,
  "summary_csf_n": 14996.0,
  "summary_csf_p05": 2764.46748906374,
  "summary_csf_p95": 3760.9131504893303,
  "summary_csf_stdv": 307.4903194426135,
  "summary_gm_k": -0.00962425283109658,
  "summary_gm_mad": 201.5667193242483,
  "summary_gm_mean": 2249.167605118755,
  "summary_gm_median": 2241.141914010048,
  "summary_gm_n": 209879.0,
  "summary_gm_p05": 1943.6855009794235,
  "summary_gm_p95": 2577.585332632065,
  "summary_gm_stdv": 195.8148201895148,
  "summary_wm_k": -1.5510640463252534,
  "summary_wm_mad": 1341.8019845212216,
  "summary_wm_mean": 2409.3710512786047,
  "summary_wm_median": 1002.6658104658127,
  "summary_wm_n": 36352.0,
  "summary_wm_p05": 81.97267842292786,
  "summary_wm_p95": 6104.187690258026,
  "summary_wm_stdv": 2358.7584804814765,
  "tpm_overlap_csf": 0.10746056063093104,
  "tpm_overlap_gm": 0.35837128544805197,
  "tpm_overlap_wm": 0.029228512550211756,
  "wm2max": 0.16712851029927125
}