{
  "bids_meta": {
    "AcquisitionMatrixPE": 256,
    "AcquisitionNumber": 1,
    "AcquisitionTime": "15:30:29.000000",
    "BodyPartExamined": "BRAIN",
    "CoilString": "32Ch Head",
    "ConversionSoftware": "dcm2niix",
    "ConversionSoftwareVersion": "v1.0.20211006",
    "Dcm2bidsVersion": "2.1.6",
    "DeviceSerialNumber": "000301496MR3T6MR",
    "EchoTime": 0.066902,
    "EchoTrainLength": 140,
    "FlipAngle": 90,
    "ImageOrientationPatientDICOM": [
      0,
      1,
      0,
      0,
      0,
      -1
    ],
    "ImageType": [
      "ORIGINAL",
      "PRIMARY",
      "OTHER"
    ],
    "ImagingFrequency": 127.697,
    "InPlanePhaseEncodingDirectionDICOM": "ROW",
    "InstitutionName": "NIH FMRIF",
    "MRAcquisitionType": "3D",
    "MagneticFieldStrength": 3,
    "Manufacturer": "GE",
    "ManufacturersModelName": "DISCOVERY MR750",
    "Modality": "MR",
    "ParallelReductionFactorInPlane": 2,
    "ParallelReductionOutOfPlane": 1.5,
    "PatientPosition": "HFS",
    "PercentPhaseFOV": 100,
    "PercentSampling": 100,
    "PhaseEncodingAxis": "i",
    "PixelBandwidth": 244.141,
    "ProcedureStepDescription": "MRI Brain",
    "ProtocolName": "ADNI3 FMRIF Enhanced Pro",
    "ReconMatrixPE": 256,
    "RepetitionTime": 3.202,
    "SAR": 0.4638,
    "ScanOptions": "SAT_GEMS\\EDR_GEMS\\PROMO_GEMS\\FILTERED_GEMS\\ACC_GEMS\\FS\\FR_GEMS",
    "ScanningSequence": "RM",
    "SequenceVariant": "NONE",
    "SeriesDescription": "Anat T2w CUBE (ABCD)",
    "SeriesNumber": 4,
    "SliceThickness": 1,
    "SoftwareVersions": "27\\LX\\MR Software release:DV26.0_R01_1725.a",
    "SpacingBetweenSlices": 1,
    "StationName": "fmrif3tb",
    "acq_id": "CUBE",
    "dataset": "ds004215",
    "modality": "T2w",
    "rec_id": "SCIC",
    "session_id": "01",
    "subject_id": "ON95003"
  },
  "cjv": 1.6272009557862344,
  "cnr": 0.44747694778246455,
  "efc": 0.42446953651587804,
  "fber": 11494.533104623211,
  "fwhm_avg": 2.1840233333333336,
  "fwhm_x": 1.85207,
  "fwhm_y": 2.46653,
  "fwhm_z": 2.23347,
  "icvs_csf": 0.2696931603538884,
  "icvs_gm": 0.5340587499014049,
  "icvs_wm": 0.1962480897447067,
  "inu_med": 0.8337883353233337,
  "inu_range": 0.16289825439453143,
  "provenance": {
    "md5sum": "410b88b538b5cd08f0488e877ece2b43",
    "settings": {
      "testing": false
    },
    "software": "mriqc",
    "version": "22.0.6",
    "warnings": {
      "large_rot_frame": true,
      "small_air_mask": false
    },
    "webapi_port": null,
    "webapi_url": "https://mriqc.nimh.nih.gov/api/v1"
  },
  "qi_1": 0.0,
  "qi_2": 0.026629624678826125,
  "rpve_csf": 22.005765465708027,
  "rpve_gm": 13.926789275659747,
  "rpve_wm": 39.764323370674674,
  "size_x": 204,
  "size_y": 256,
  "size_z": 256,
  "snr_csf": 11.860991153758146,
  "snr_gm": 12.104547550183797,
  "snr_total": 8.150159776468815,
  "snr_wm": 0.4849406254645021,
  "snrd_csf": 70.02009973547912,
  "snrd_gm": 50.02759804090429,
  "snrd_total": 48.67644262539133,
  "snrd_wm": 25.981630099790593,
  "spacing_x": 1.0,
  "spacing_y": 1.0,
  "spacing_z": 1.0,
  "summary_bg_k": 5.625762068447198,
  "summary_bg_mad": 25.346798969782846,
  "summary_bg_mean": 13.107880570791588,
  "summary_bg_median": 17.09615610539913,
  "summary_bg_n": 3062712.0,
  "summary_bg_p05": 0.0,
  "summary_bg_p95": 35.86022987961769,
  "summary_bg_stdv": 14.468111256383903,
  "summary_csf_k": 0.6936377092087396,
  "summary_csf_mad": 213.28404011158736,
  "summary_csf_mean": 2718.571999635708,
  "summary_csf_median": 2709.031877696514,
  "summary_csf_n": 16628.0,
  "summary_csf_p05": 2365.023858502507,
  "summary_csf_p95": 3113.1933476164936,
  "summary_csf_stdv": 228.39157212169476,
  "summary_gm_k": 0.05380106237276561,
  "summary_gm_mad": 163.08501385923694,
  "summary_gm_mean": 1938.013556703244,
  "summary_gm_median": 1935.5350587815046,
  "summary_gm_n": 173683.0,
  "summary_gm_p05": 1683.679490789771,
  "summary_gm_p95": 2202.485281676054,
  "summary_gm_stdv": 159.90101891172242,
  "summary_wm_k": -1.6617750996799003,
  "summary_wm_mad": 1350.737099245818,
  "summary_wm_mean": 2185.370933783063,
  "summary_wm_median": 1005.2122810557485,
  "summary_wm_n": 42464.0,
  "summary_wm_p05": 76.14044158160686,
  "summary_wm_p95": 5082.2285327762365,
  "summary_wm_stdv": 2072.8319966399204,
  "tpm_overlap_csf": 0.10087261966298773,
  "tpm_overlap_gm": 0.3376664332358187,
  "tpm_overlap_wm": 0.035125412461719394,
  "wm2max": 0.19754330760279923
}