{
  "bids_meta": {
    "AcquisitionMatrixPE": 256,
    "AcquisitionNumber": 1,
    "AcquisitionTime": "15:23:23.000000",
    "BodyPartExamined": "BRAIN",
    "CoilString": "32Ch Head",
    "ConversionSoftware": "dcm2niix",
    "ConversionSoftwareVersion": "v1.0.20211006",
    "Dcm2bidsVersion": "2.1.6",
    "DeviceSerialNumber": "000301496MR3T6MR",
    "EchoTime": 0.00292,
    "FlipAngle": 8,
    "ImageOrientationPatientDICOM": [
      0,
      1,
      0,
      0,
      0,
      -1
    ],
    "ImageType": [
      "ORIGINAL",
      "PRIMARY",
      "OTHER"
    ],
    "ImagingFrequency": 127.697,
    "InPlanePhaseEncodingDirectionDICOM": "ROW",
    "InstitutionName": "NIH FMRIF",
    "InversionTime": 1.06,
    "MRAcquisitionType": "3D",
    "MagneticFieldStrength": 3,
    "Manufacturer": "GE",
    "ManufacturersModelName": "DISCOVERY MR750",
    "Modality": "MR",
    "ParallelReductionFactorInPlane": 2,
    "ParallelReductionOutOfPlane": 2,
    "PatientPosition": "HFS",
    "PercentPhaseFOV": 100,
    "PercentSampling": 100,
    "PixelBandwidth": 244.141,
    "ProcedureStepDescription": "MRI Brain",
    "ProtocolName": "ADNI3 FMRIF Enhanced Pro",
    "ReconMatrixPE": 256,
    "RepetitionTime": 0.006952,
    "SAR": 0.0949131,
    "ScanOptions": "EDR_GEMS\\PROMO_GEMS\\FILTERED_GEMS\\ACC_GEMS\\IR_GEMS",
    "ScanningSequence": "RM",
    "SequenceVariant": "NONE",
    "SeriesDescription": "Anat T1w MP-RAGE 1mm (ABCD)",
    "SeriesNumber": 3,
    "SliceThickness": 1,
    "SoftwareVersions": "27\\LX\\MR Software release:DV26.0_R01_1725.a",
    "SpacingBetweenSlices": 1,
    "StationName": "fmrif3tb",
    "acq_id": "MPRAGE",
    "dataset": "ds004215",
    "modality": "T1w",
    "rec_id": "SCIC",
    "session_id": "01",
    "subject_id": "ON95003"
  },
  "cjv": 0.33953142632987765,
  "cnr": 3.9308238567488236,
  "efc": 0.6864627821208902,
  "fber": 15487.084527551775,
  "fwhm_avg": 3.340253333333333,
  "fwhm_x": 3.31158,
  "fwhm_y": 3.45033,
  "fwhm_z": 3.25885,
  "icvs_csf": 0.22134461284733323,
  "icvs_gm": 0.4313699798342748,
  "icvs_wm": 0.34728540731839197,
  "inu_med": 0.5165730714797974,
  "inu_range": 0.07305080145597459,
  "provenance": {
    "md5sum": "6b0c7ff6ca26acbfd442f3c5ab87bc10",
    "settings": {
      "testing": false
    },
    "software": "mriqc",
    "version": "22.0.6",
    "warnings": {
      "large_rot_frame": true,
      "small_air_mask": false
    },
    "webapi_port": null,
    "webapi_url": "https://mriqc.nimh.nih.gov/api/v1"
  },
  "qi_1": 0.0,
  "qi_2": 0.0019524602209953013,
  "rpve_csf": 29.32470550559561,
  "rpve_gm": 15.683200059560232,
  "rpve_wm": 22.46574711501023,
  "size_x": 208,
  "size_y": 256,
  "size_z": 256,
  "snr_csf": 1.622441293942553,
  "snr_gm": 9.303440901157646,
  "snr_total": 9.87128745766492,
  "snr_wm": 18.68798017789456,
  "snrd_csf": 15.690799233043398,
  "snrd_gm": 52.67983340162549,
  "snrd_total": 49.724412772623566,
  "snrd_wm": 80.8026056832018,
  "spacing_x": 1.0,
  "spacing_y": 1.0,
  "spacing_z": 1.0,
  "summary_bg_k": 11.132017449883685,
  "summary_bg_mad": 0.0,
  "summary_bg_mean": 4.29246710091254,
  "summary_bg_median": 0.0,
  "summary_bg_n": 643614.0,
  "summary_bg_p05": 0.0,
  "summary_bg_p95": 22.11600522696972,
  "summary_bg_stdv": 8.10786212797983,
  "summary_csf_k": 0.28540382847583823,
  "summary_csf_mad": 109.43791372518723,
  "summary_csf_mean": 222.40102942059082,
  "summary_csf_median": 194.18679355829954,
  "summary_csf_n": 29605.0,
  "summary_csf_p05": 71.46363371238112,
  "summary_csf_p95": 455.9359161686151,
  "summary_csf_stdv": 119.68600320225052,
  "summary_gm_k": 0.2085928463526563,
  "summary_gm_mad": 67.37882052593781,
  "summary_gm_mean": 650.3618682792259,
  "summary_gm_median": 651.9570980109274,
  "summary_gm_n": 27179.0,
  "summary_gm_p05": 531.6315611615777,
  "summary_gm_p95": 763.7772739715874,
  "summary_gm_stdv": 70.07569683751203,
  "summary_wm_k": 0.477691758615447,
  "summary_wm_mad": 50.792675393629075,
  "summary_wm_mean": 999.0494172160777,
  "summary_wm_median": 999.9999793339521,
  "summary_wm_n": 179618.0,
  "summary_wm_p05": 910.2182992361486,
  "summary_wm_p95": 1085.2602798584849,
  "summary_wm_stdv": 53.51018066830061,
  "tpm_overlap_csf": 0.15757365143889146,
  "tpm_overlap_gm": 0.48281464512904565,
  "tpm_overlap_wm": 0.5278876504315927,
  "wm2max": 0.6401753225272908
}