{
  "aor": 0.033742222222222215,
  "aqi": 0.0018896122222222221,
  "bids_meta": {
    "AcquisitionMatrixPE": 64,
    "AcquisitionNumber": 1,
    "AcquisitionTime": "15:09:7.000000",
    "BodyPartExamined": "BRAIN",
    "CoilString": "32Ch Head",
    "ConversionSoftware": "dcm2niix",
    "ConversionSoftwareVersion": "v1.0.20211006",
    "Dcm2bidsVersion": "2.1.6",
    "DeviceSerialNumber": "000301496MR3T6MR",
    "EchoTime": 0.0169,
    "EffectiveEchoSpacing": 0.000416,
    "FlipAngle": 90,
    "ImageOrientationPatientDICOM": [
      1,
      0,
      0,
      0,
      1,
      0
    ],
    "ImageType": [
      "ORIGINAL",
      "PRIMARY",
      "OTHER"
    ],
    "ImagingFrequency": 127.697,
    "InPlanePhaseEncodingDirectionDICOM": "COL",
    "InstitutionName": "NIH FMRIF",
    "InternalPulseSequenceName": "EPI",
    "MRAcquisitionType": "2D",
    "MagneticFieldStrength": 3,
    "Manufacturer": "GE",
    "ManufacturersModelName": "DISCOVERY MR750",
    "Modality": "MR",
    "PatientPosition": "HFS",
    "PercentPhaseFOV": 100,
    "PercentSampling": 100,
    "PhaseEncodingDirection": "j-",
    "PhaseEncodingPolarityGE": "Unflipped",
    "PixelBandwidth": 7812.5,
    "ProcedureStepDescription": "MRI Brain",
    "ProtocolName": "ADNI3 FMRIF Enhanced Pro",
    "PulseSequenceName": "epi",
    "ReconMatrixPE": 64,
    "RepetitionTime": 3,
    "SAR": 0.179901,
    "ScanOptions": "MP_GEMS\\EPI_GEMS\\PFF",
    "ScanningSequence": "EP\\GR",
    "SequenceVariant": "SS",
    "SeriesDescription": "Axial rsfMRI reverse blip - RKV",
    "SeriesNumber": 12,
    "SliceThickness": 3.4,
    "SliceTiming": [
      0,
      1.5,
      0.0625,
      1.5625,
      0.125,
      1.625,
      0.1875,
      1.6875,
      0.25,
      1.75,
      0.3125,
      1.8125,
      0.375,
      1.875,
      0.4375,
      1.9375,
      0.5,
      2,
      0.5625,
      2.0625,
      0.625,
      2.125,
      0.6875,
      2.1875,
      0.75,
      2.25,
      0.8125,
      2.3125,
      0.875,
      2.375,
      0.9375,
      2.4375,
      1,
      2.5,
      1.0625,
      2.5625,
      1.125,
      2.625,
      1.1875,
      2.6875,
      1.25,
      2.75,
      1.3125,
      2.8125,
      1.375,
      2.875,
      1.4375,
      2.9375
    ],
    "SoftwareVersions": "27\\LX\\MR Software release:DV26.0_R01_1725.a",
    "SpacingBetweenSlices": 3.4,
    "StationName": "fmrif3tb",
    "TaskName": "Resting state with reverse blip.",
    "TotalReadoutTime": 0.026208,
    "TriggerDelayTime": 29938,
    "dataset": "ds004215",
    "modality": "bold",
    "session_id": "01",
    "subject_id": "ON50636",
    "task_id": "rest"
  },
  "dummy_trs": 1,
  "dvars_nstd": 17.09062159,
  "dvars_std": 1.434686975,
  "dvars_vstd": 1.35969314,
  "efc": 0.4870963278069061,
  "fber": 4241.61181640625,
  "fd_mean": 0.09535624048287099,
  "fd_num": 0,
  "fd_perc": 0.0,
  "fwhm_avg": 2.6368124709238265,
  "fwhm_x": 2.428992,
  "fwhm_y": 2.6477672727272723,
  "fwhm_z": 2.833678140044206,
  "gcor": 0.0384998,
  "gsr_x": -0.0023525787983089685,
  "gsr_y": 0.04557592421770096,
  "provenance": {
    "md5sum": "2c62271ff58ba47088e5a0c4502327aa",
    "settings": {
      "fd_thres": 0.2,
      "testing": false
    },
    "software": "mriqc",
    "version": "22.0.6",
    "webapi_port": null,
    "webapi_url": "https://mriqc.nimh.nih.gov/api/v1"
  },
  "size_t": 9,
  "size_x": 64,
  "size_y": 64,
  "size_z": 48,
  "snr": 4.548757250791233,
  "spacing_tr": 3.0,
  "spacing_x": 3.4375,
  "spacing_y": 3.4375,
  "spacing_z": 3.4000015258789062,
  "summary_bg_k": 24.04057150351135,
  "summary_bg_mad": 13.67288869724017,
  "summary_bg_mean": 145.18031311035156,
  "summary_bg_median": 37.77777862548828,
  "summary_bg_n": 129686.0,
  "summary_bg_p05": 25.66666603088379,
  "summary_bg_p95": 679.3055419921875,
  "summary_bg_stdv": 269.3467712402344,
  "summary_fg_k": 0.48483376591222926,
  "summary_fg_mad": 505.97927089631344,
  "summary_fg_mean": 2504.09228515625,
  "summary_fg_median": 2459.333251953125,
  "summary_fg_n": 28354.0,
  "summary_fg_p05": 1683.9222412109375,
  "summary_fg_p95": 3445.888916015625,
  "summary_fg_stdv": 540.6509399414062,
  "tsnr": 148.12965454906225
}