{
  "aor": 0.0013903015075376883,
  "aqi": 0.0018354201959798996,
  "bids_meta": {
    "AcquisitionMatrixPE": 64,
    "AcquisitionNumber": 1,
    "AcquisitionTime": "14:58:7.000000",
    "BodyPartExamined": "BRAIN",
    "CoilString": "32Ch Head",
    "ConversionSoftware": "dcm2niix",
    "ConversionSoftwareVersion": "v1.0.20211006",
    "Dcm2bidsVersion": "2.1.6",
    "DeviceSerialNumber": "000301496MR3T6MR",
    "EchoTime": 0.0169,
    "EffectiveEchoSpacing": 0.000416,
    "FlipAngle": 90,
    "ImageOrientationPatientDICOM": [
      1,
      0,
      0,
      0,
      1,
      0
    ],
    "ImageType": [
      "ORIGINAL",
      "PRIMARY",
      "OTHER"
    ],
    "ImagingFrequency": 127.697,
    "InPlanePhaseEncodingDirectionDICOM": "COL",
    "InstitutionName": "NIH FMRIF",
    "InternalPulseSequenceName": "EPI",
    "MRAcquisitionType": "2D",
    "MagneticFieldStrength": 3,
    "Manufacturer": "GE",
    "ManufacturersModelName": "DISCOVERY MR750",
    "Modality": "MR",
    "PatientPosition": "HFS",
    "PercentPhaseFOV": 100,
    "PercentSampling": 100,
    "PhaseEncodingDirection": "j",
    "PhaseEncodingPolarityGE": "Flipped",
    "PixelBandwidth": 7812.5,
    "ProcedureStepDescription": "MRI Brain",
    "ProtocolName": "ADNI3 FMRIF Enhanced Pro",
    "PulseSequenceName": "epi",
    "ReconMatrixPE": 64,
    "RepetitionTime": 3,
    "SAR": 0.179901,
    "ScanOptions": "MP_GEMS\\EPI_GEMS\\PFF",
    "ScanningSequence": "EP\\GR",
    "SequenceVariant": "SS",
    "SeriesDescription": "Axial rsfMRI with Eyes Open - RKV",
    "SeriesNumber": 11,
    "SliceThickness": 3.4,
    "SliceTiming": [
      0,
      1.5,
      0.0625,
      1.5625,
      0.125,
      1.625,
      0.1875,
      1.6875,
      0.25,
      1.75,
      0.3125,
      1.8125,
      0.375,
      1.875,
      0.4375,
      1.9375,
      0.5,
      2,
      0.5625,
      2.0625,
      0.625,
      2.125,
      0.6875,
      2.1875,
      0.75,
      2.25,
      0.8125,
      2.3125,
      0.875,
      2.375,
      0.9375,
      2.4375,
      1,
      2.5,
      1.0625,
      2.5625,
      1.125,
      2.625,
      1.1875,
      2.6875,
      1.25,
      2.75,
      1.3125,
      2.8125,
      1.375,
      2.875,
      1.4375,
      2.9375
    ],
    "SoftwareVersions": "27\\LX\\MR Software release:DV26.0_R01_1725.a",
    "SpacingBetweenSlices": 3.4,
    "StationName": "fmrif3tb",
    "TaskName": "Resting state with eyes open.",
    "TotalReadoutTime": 0.026208,
    "TriggerDelayTime": 599938,
    "dataset": "ds004215",
    "modality": "bold",
    "session_id": "01",
    "subject_id": "ON50636",
    "task_id": "rest"
  },
  "dummy_trs": 1,
  "dvars_nstd": 14.127999098787873,
  "dvars_std": 1.2429180645454545,
  "dvars_vstd": 0.9649871399494939,
  "efc": 0.4819265797903296,
  "fber": 4166.5673828125,
  "fd_mean": 0.09875256579627673,
  "fd_num": 9,
  "fd_perc": 4.522613065326633,
  "fwhm_avg": 2.7454749747063922,
  "fwhm_x": 2.4852363636363632,
  "fwhm_y": 2.6627781818181817,
  "fwhm_z": 3.088410378664632,
  "gcor": 0.0397126,
  "gsr_x": -0.0046578035689890385,
  "gsr_y": 0.041351545602083206,
  "provenance": {
    "md5sum": "1e3402244f3fff62446c2722dd2dcf38",
    "settings": {
      "fd_thres": 0.2,
      "testing": false
    },
    "software": "mriqc",
    "version": "22.0.6",
    "webapi_port": null,
    "webapi_url": "https://mriqc.nimh.nih.gov/api/v1"
  },
  "size_t": 199,
  "size_x": 64,
  "size_y": 64,
  "size_z": 48,
  "snr": 4.270498290979585,
  "spacing_tr": 3.0,
  "spacing_x": 3.4375,
  "spacing_y": 3.4375,
  "spacing_z": 3.4000015258789062,
  "summary_bg_k": 25.56972806079608,
  "summary_bg_mad": 16.278821805026407,
  "summary_bg_mean": 152.22991943359375,
  "summary_bg_median": 39.15577697753906,
  "summary_bg_n": 131180.0,
  "summary_bg_p05": 23.417085647583008,
  "summary_bg_p95": 719.1032867431634,
  "summary_bg_stdv": 279.7496643066406,
  "summary_fg_k": 1.0182995324881468,
  "summary_fg_mad": 551.4833228002008,
  "summary_fg_mean": 2557.84423828125,
  "summary_fg_median": 2508.8994140625,
  "summary_fg_n": 27242.0,
  "summary_fg_p05": 1687.9130065917968,
  "summary_fg_p95": 3557.401318359373,
  "summary_fg_stdv": 587.4849243164062,
  "tsnr": 101.30584241449833
}