{
  "bids_meta": {
    "AcquisitionMatrixPE": 256,
    "AcquisitionNumber": 1,
    "AcquisitionTime": "11:30:35.000000",
    "BodyPartExamined": "BRAIN",
    "CoilString": "32Ch Head",
    "ConversionSoftware": "dcm2niix",
    "ConversionSoftwareVersion": "v1.0.20211006",
    "Dcm2bidsVersion": "2.1.6",
    "DeviceSerialNumber": "000301496mr3T5mr",
    "EchoTime": 0.066833,
    "EchoTrainLength": 140,
    "FlipAngle": 90,
    "ImageOrientationPatientDICOM": [
      0,
      1,
      0,
      0,
      0,
      -1
    ],
    "ImageType": [
      "ORIGINAL",
      "PRIMARY",
      "OTHER"
    ],
    "ImagingFrequency": 127.824,
    "InPlanePhaseEncodingDirectionDICOM": "ROW",
    "InstitutionName": "NIH FMRIF",
    "MRAcquisitionType": "3D",
    "MagneticFieldStrength": 3,
    "Manufacturer": "GE",
    "ManufacturersModelName": "DISCOVERY MR750",
    "Modality": "MR",
    "ParallelReductionFactorInPlane": 2,
    "ParallelReductionOutOfPlane": 1.5,
    "PatientPosition": "HFS",
    "PercentPhaseFOV": 100,
    "PercentSampling": 100,
    "PhaseEncodingAxis": "i",
    "PixelBandwidth": 244.141,
    "ProcedureStepDescription": "MRI Brain",
    "ProtocolName": "ADNI3 FMRIF Enhanced Pro",
    "ReconMatrixPE": 256,
    "RepetitionTime": 3.202,
    "SAR": 0.4798,
    "ScanOptions": "SAT_GEMS\\EDR_GEMS\\PROMO_GEMS\\FILTERED_GEMS\\ACC_GEMS\\FS\\FR_GEMS",
    "ScanningSequence": "RM",
    "SequenceVariant": "NONE",
    "SeriesDescription": "Anat T2w CUBE (ABCD)",
    "SeriesNumber": 4,
    "SliceThickness": 1,
    "SoftwareVersions": "27\\LX\\MR Software release:DV26.0_R03_1831.b",
    "SpacingBetweenSlices": 1,
    "StationName": "FMRI3ta",
    "acq_id": "CUBE",
    "dataset": "ds004215",
    "modality": "T2w",
    "rec_id": "SCIC",
    "session_id": "01",
    "subject_id": "ON18047"
  },
  "cjv": 0.273840119038702,
  "cnr": 4.474038978015325,
  "efc": 0.43646622194712065,
  "fber": 2950.883366848607,
  "fwhm_avg": 2.384513333333333,
  "fwhm_x": 1.91793,
  "fwhm_y": 2.71134,
  "fwhm_z": 2.52427,
  "icvs_csf": 0.2204179090472065,
  "icvs_gm": 0.7110449078277333,
  "icvs_wm": 0.06853718312506019,
  "inu_med": 0.6662976145744324,
  "inu_range": 0.13594673573970795,
  "provenance": {
    "md5sum": "20d0a438fa8be93e925c929f30fd4e85",
    "settings": {
      "testing": false
    },
    "software": "mriqc",
    "version": "22.0.6",
    "warnings": {
      "large_rot_frame": true,
      "small_air_mask": false
    },
    "webapi_port": null,
    "webapi_url": "https://mriqc.nimh.nih.gov/api/v1"
  },
  "qi_1": 0.0,
  "qi_2": 0.009895315221577201,
  "rpve_csf": 26.263964351712918,
  "rpve_gm": 10.849475924543588,
  "rpve_wm": 87.78156224305214,
  "size_x": 204,
  "size_y": 256,
  "size_z": 256,
  "snr_csf": 6.8348912296864865,
  "snr_gm": 9.562638000251624,
  "snr_total": 5.821608232553132,
  "snr_wm": 1.067295467721285,
  "snrd_csf": 120.22999367169629,
  "snrd_gm": 43.66222774139273,
  "snrd_total": 57.025324334629914,
  "snrd_wm": 7.183751590800713,
  "spacing_x": 1.0,
  "spacing_y": 1.0,
  "spacing_z": 1.0,
  "summary_bg_k": 2.667097663035933,
  "summary_bg_mad": 91.35753072138613,
  "summary_bg_mean": 83.68673275977189,
  "summary_bg_median": 61.619718074798584,
  "summary_bg_n": 3040991.0,
  "summary_bg_p05": 0.0,
  "summary_bg_p95": 251.46713519096375,
  "summary_bg_stdv": 80.03572408144822,
  "summary_csf_k": 7.159392358719231,
  "summary_csf_mad": 1581.355353201136,
  "summary_csf_mean": 16082.725247023285,
  "summary_csf_median": 16765.845006465912,
  "summary_csf_n": 71380.0,
  "summary_csf_p05": 11107.37965246439,
  "summary_csf_p95": 18298.723521745207,
  "summary_csf_stdv": 2452.961869014096,
  "summary_gm_k": -0.08868302857572852,
  "summary_gm_mad": 649.0735039824194,
  "summary_gm_mean": 6117.310879825964,
  "summary_gm_median": 6088.615000247955,
  "summary_gm_n": 479466.0,
  "summary_gm_p05": 5126.760543823242,
  "summary_gm_p95": 7212.44128704071,
  "summary_gm_stdv": 636.708055947895,
  "summary_wm_k": 6.625470107814532,
  "summary_wm_mad": 743.9113215884298,
  "summary_wm_mean": 1261.8250002792859,
  "summary_wm_median": 1001.7605595588684,
  "summary_wm_n": 13851.0,
  "summary_wm_p05": 289.75938856601715,
  "summary_wm_p95": 3138.791067838669,
  "summary_wm_stdv": 938.5633380554905,
  "tpm_overlap_csf": 0.15763487600737577,
  "tpm_overlap_gm": 0.42486122886406513,
  "tpm_overlap_wm": 0.02736564216585864,
  "wm2max": 0.054497565647697345
}