{
  "bids_meta": {
    "AcquisitionMatrixPE": 256,
    "AcquisitionNumber": 1,
    "AcquisitionTime": "11:30:35.000000",
    "BodyPartExamined": "BRAIN",
    "CoilString": "32Ch Head",
    "ConversionSoftware": "dcm2niix",
    "ConversionSoftwareVersion": "v1.0.20211006",
    "Dcm2bidsVersion": "2.1.6",
    "DeviceSerialNumber": "000301496mr3T5mr",
    "EchoTime": 0.066833,
    "EchoTrainLength": 140,
    "FlipAngle": 90,
    "ImageOrientationPatientDICOM": [
      0,
      1,
      0,
      0,
      0,
      -1
    ],
    "ImageType": [
      "ORIGINAL",
      "PRIMARY",
      "OTHER"
    ],
    "ImagingFrequency": 127.824,
    "InPlanePhaseEncodingDirectionDICOM": "ROW",
    "InstitutionName": "NIH FMRIF",
    "MRAcquisitionType": "3D",
    "MagneticFieldStrength": 3,
    "Manufacturer": "GE",
    "ManufacturersModelName": "DISCOVERY MR750",
    "Modality": "MR",
    "ParallelReductionFactorInPlane": 2,
    "ParallelReductionOutOfPlane": 1.5,
    "PatientPosition": "HFS",
    "PercentPhaseFOV": 100,
    "PercentSampling": 100,
    "PhaseEncodingAxis": "i",
    "PixelBandwidth": 244.141,
    "ProcedureStepDescription": "MRI Brain",
    "ProtocolName": "ADNI3 FMRIF Enhanced Pro",
    "ReconMatrixPE": 256,
    "RepetitionTime": 3.202,
    "SAR": 0.4798,
    "ScanOptions": "SAT_GEMS\\EDR_GEMS\\PROMO_GEMS\\ACC_GEMS\\FS\\FR_GEMS",
    "ScanningSequence": "RM",
    "SequenceVariant": "NONE",
    "SeriesDescription": "ORIG Anat T2w CUBE (ABCD)",
    "SeriesNumber": 40004,
    "SliceThickness": 1,
    "SoftwareVersions": "27\\LX\\MR Software release:DV26.0_R03_1831.b",
    "SpacingBetweenSlices": 1,
    "StationName": "FMRI3ta",
    "acq_id": "CUBE",
    "dataset": "ds004215",
    "modality": "T2w",
    "session_id": "01",
    "subject_id": "ON18047"
  },
  "cjv": 0.2805836416758635,
  "cnr": 4.553139701745274,
  "efc": 0.40169013569872714,
  "fber": 2420.893125588031,
  "fwhm_avg": 2.4549933333333334,
  "fwhm_x": 2.00721,
  "fwhm_y": 2.71224,
  "fwhm_z": 2.64553,
  "icvs_csf": 0.23310228429563254,
  "icvs_gm": 0.7047516494469424,
  "icvs_wm": 0.062146066257425074,
  "inu_med": 0.8537375628948212,
  "inu_range": 0.5073647350072861,
  "provenance": {
    "md5sum": "7f68cb85f68dbae7ba6e2a83d2ba35ac",
    "settings": {
      "testing": false
    },
    "software": "mriqc",
    "version": "22.0.6",
    "warnings": {
      "large_rot_frame": true,
      "small_air_mask": false
    },
    "webapi_port": null,
    "webapi_url": "https://mriqc.nimh.nih.gov/api/v1"
  },
  "qi_1": 0.0,
  "qi_2": 0.01490421659080759,
  "rpve_csf": 24.777265765043918,
  "rpve_gm": 10.86029155606149,
  "rpve_wm": 96.4309173927493,
  "size_x": 204,
  "size_y": 256,
  "size_z": 256,
  "snr_csf": 5.409660110137677,
  "snr_gm": 9.025332944454139,
  "snr_total": 5.194889225826365,
  "snr_wm": 1.1496746228872787,
  "snrd_csf": 95.85617541712391,
  "snrd_gm": 37.740491626952966,
  "snrd_total": 46.62364663728974,
  "snrd_wm": 6.27427286779234,
  "spacing_x": 1.0,
  "spacing_y": 1.0,
  "spacing_z": 1.0,
  "summary_bg_k": 1.0690357791690168,
  "summary_bg_mad": 104.41630524289066,
  "summary_bg_mean": 106.3466811789367,
  "summary_bg_median": 70.42772763967514,
  "summary_bg_n": 4085224.0,
  "summary_bg_p05": 0.0,
  "summary_bg_p95": 316.00294548273087,
  "summary_bg_stdv": 111.9210345634318,
  "summary_csf_k": 3.6487882107801823,
  "summary_csf_mad": 1893.7072322584988,
  "summary_csf_mean": 15258.075568359363,
  "summary_csf_median": 15277.654655992985,
  "summary_csf_n": 73401.0,
  "summary_csf_p05": 10470.870061695576,
  "summary_csf_p95": 19717.551349759102,
  "summary_csf_stdv": 2824.123932889852,
  "summary_gm_k": -0.12230480755222306,
  "summary_gm_mad": 683.3527830032111,
  "summary_gm_mean": 6052.182488096207,
  "summary_gm_median": 6015.117910921574,
  "summary_gm_n": 473956.0,
  "summary_gm_p05": 5025.07367682457,
  "summary_gm_p95": 7200.589870929718,
  "summary_gm_stdv": 666.4697692913635,
  "summary_wm_k": 3.0624788010085053,
  "summary_wm_mad": 723.8072677570012,
  "summary_wm_mean": 1232.0014160966514,
  "summary_wm_median": 999.9999861717224,
  "summary_wm_n": 13093.0,
  "summary_wm_p05": 286.50442081689835,
  "summary_wm_p95": 3007.8170675516126,
  "summary_wm_stdv": 869.7780895492318,
  "tpm_overlap_csf": 0.15960063213735282,
  "tpm_overlap_gm": 0.42392472719377516,
  "tpm_overlap_wm": 0.024335759013005352,
  "wm2max": 0.04838336020242162
}