{
  "bids_meta": {
    "AcquisitionMatrixPE": 256,
    "AcquisitionNumber": 1,
    "AcquisitionTime": "11:23:56.000000",
    "BodyPartExamined": "BRAIN",
    "CoilString": "32Ch Head",
    "ConversionSoftware": "dcm2niix",
    "ConversionSoftwareVersion": "v1.0.20211006",
    "Dcm2bidsVersion": "2.1.6",
    "DeviceSerialNumber": "000301496mr3T5mr",
    "EchoTime": 0.00292,
    "FlipAngle": 8,
    "ImageOrientationPatientDICOM": [
      0,
      1,
      0,
      0,
      0,
      -1
    ],
    "ImageType": [
      "ORIGINAL",
      "PRIMARY",
      "OTHER"
    ],
    "ImagingFrequency": 127.824,
    "InPlanePhaseEncodingDirectionDICOM": "ROW",
    "InstitutionName": "NIH FMRIF",
    "InversionTime": 1.06,
    "MRAcquisitionType": "3D",
    "MagneticFieldStrength": 3,
    "Manufacturer": "GE",
    "ManufacturersModelName": "DISCOVERY MR750",
    "Modality": "MR",
    "ParallelReductionFactorInPlane": 2,
    "ParallelReductionOutOfPlane": 2,
    "PatientPosition": "HFS",
    "PercentPhaseFOV": 100,
    "PercentSampling": 100,
    "PixelBandwidth": 244.141,
    "ProcedureStepDescription": "MRI Brain",
    "ProtocolName": "ADNI3 FMRIF Enhanced Pro",
    "ReconMatrixPE": 256,
    "RepetitionTime": 0.006952,
    "SAR": 0.0980274,
    "ScanOptions": "EDR_GEMS\\PROMO_GEMS\\ACC_GEMS\\IR_GEMS",
    "ScanningSequence": "RM",
    "SequenceVariant": "NONE",
    "SeriesDescription": "ORIG Anat T1w MP-RAGE 1mm (ABCD)",
    "SeriesNumber": 40003,
    "SliceThickness": 1,
    "SoftwareVersions": "27\\LX\\MR Software release:DV26.0_R03_1831.b",
    "SpacingBetweenSlices": 1,
    "StationName": "FMRI3ta",
    "acq_id": "MPRAGE",
    "dataset": "ds004215",
    "modality": "T1w",
    "session_id": "01",
    "subject_id": "ON18047"
  },
  "cjv": 0.4186201963878579,
  "cnr": 3.2458107453102136,
  "efc": 0.4340032264871688,
  "fber": 3985.9092758874185,
  "fwhm_avg": 3.8843633333333334,
  "fwhm_x": 3.81987,
  "fwhm_y": 3.92595,
  "fwhm_z": 3.90727,
  "icvs_csf": 0.25197487576420213,
  "icvs_gm": 0.3858630525826893,
  "icvs_wm": 0.36216207165310854,
  "inu_med": 0.878524661064148,
  "inu_range": 0.5268446505069733,
  "provenance": {
    "md5sum": "40c3e257f5e949de0044f586be885530",
    "settings": {
      "testing": false
    },
    "software": "mriqc",
    "version": "22.0.6",
    "warnings": {
      "large_rot_frame": true,
      "small_air_mask": false
    },
    "webapi_port": null,
    "webapi_url": "https://mriqc.nimh.nih.gov/api/v1"
  },
  "qi_1": 0.0,
  "qi_2": 0.0016312452651760024,
  "rpve_csf": 25.693296457912357,
  "rpve_gm": 15.815811741620044,
  "rpve_wm": 19.862166808587972,
  "size_x": 208,
  "size_y": 256,
  "size_z": 256,
  "snr_csf": 1.173762346669432,
  "snr_gm": 8.26682894635983,
  "snr_total": 8.945170612437957,
  "snr_wm": 17.394920544284613,
  "snrd_csf": 5.964380337997819,
  "snrd_gm": 36.13584657997045,
  "snrd_total": 31.91617715127912,
  "snrd_wm": 53.648304535869094,
  "spacing_x": 1.0,
  "spacing_y": 1.0,
  "spacing_z": 1.0,
  "summary_bg_k": 1.8907381245703219,
  "summary_bg_mad": 12.211689129710484,
  "summary_bg_mean": 13.312278613069916,
  "summary_bg_median": 8.236659150570631,
  "summary_bg_n": 4424086.0,
  "summary_bg_p05": 0.0,
  "summary_bg_p95": 38.63109150901437,
  "summary_bg_stdv": 13.078066664316557,
  "summary_csf_k": 3.2883824057984343,
  "summary_csf_mad": 61.17310939624923,
  "summary_csf_mean": 136.73434766563375,
  "summary_csf_median": 111.17556365206838,
  "summary_csf_n": 71476.0,
  "summary_csf_p05": 36.96829177439213,
  "summary_csf_p95": 350.81207424402237,
  "summary_csf_stdv": 94.71660617863898,
  "summary_gm_k": -0.0010302555688452841,
  "summary_gm_mad": 81.21059930626714,
  "summary_gm_mean": 672.6410851821322,
  "summary_gm_median": 673.5692366864532,
  "summary_gm_n": 19026.0,
  "summary_gm_p05": 537.6256909407675,
  "summary_gm_p95": 806.7285596206784,
  "summary_gm_stdv": 81.47640885529898,
  "summary_wm_k": 0.3473030294742294,
  "summary_wm_mad": 55.43992201140863,
  "summary_wm_mean": 1001.5347900518528,
  "summary_wm_median": 1000.0000264495611,
  "summary_wm_n": 201756.0,
  "summary_wm_p05": 909.580457159318,
  "summary_wm_p95": 1098.066541031003,
  "summary_wm_stdv": 57.48790548709615,
  "tpm_overlap_csf": 0.1517993632948448,
  "tpm_overlap_gm": 0.4368546442990831,
  "tpm_overlap_wm": 0.505427706332374,
  "wm2max": 0.5115119867078092
}