{
  "bids_meta": {
    "AcquisitionMatrixPE": 256,
    "AcquisitionNumber": 1,
    "AcquisitionTime": "11:23:56.000000",
    "BodyPartExamined": "BRAIN",
    "CoilString": "32Ch Head",
    "ConversionSoftware": "dcm2niix",
    "ConversionSoftwareVersion": "v1.0.20211006",
    "Dcm2bidsVersion": "2.1.6",
    "DeviceSerialNumber": "000301496mr3T5mr",
    "EchoTime": 0.00292,
    "FlipAngle": 8,
    "ImageOrientationPatientDICOM": [
      0,
      1,
      0,
      0,
      0,
      -1
    ],
    "ImageType": [
      "ORIGINAL",
      "PRIMARY",
      "OTHER"
    ],
    "ImagingFrequency": 127.824,
    "InPlanePhaseEncodingDirectionDICOM": "ROW",
    "InstitutionName": "NIH FMRIF",
    "InversionTime": 1.06,
    "MRAcquisitionType": "3D",
    "MagneticFieldStrength": 3,
    "Manufacturer": "GE",
    "ManufacturersModelName": "DISCOVERY MR750",
    "Modality": "MR",
    "ParallelReductionFactorInPlane": 2,
    "ParallelReductionOutOfPlane": 2,
    "PatientPosition": "HFS",
    "PercentPhaseFOV": 100,
    "PercentSampling": 100,
    "PixelBandwidth": 244.141,
    "ProcedureStepDescription": "MRI Brain",
    "ProtocolName": "ADNI3 FMRIF Enhanced Pro",
    "ReconMatrixPE": 256,
    "RepetitionTime": 0.006952,
    "SAR": 0.0980274,
    "ScanOptions": "EDR_GEMS\\PROMO_GEMS\\FILTERED_GEMS\\ACC_GEMS\\IR_GEMS",
    "ScanningSequence": "RM",
    "SequenceVariant": "NONE",
    "SeriesDescription": "Anat T1w MP-RAGE 1mm (ABCD)",
    "SeriesNumber": 3,
    "SliceThickness": 1,
    "SoftwareVersions": "27\\LX\\MR Software release:DV26.0_R03_1831.b",
    "SpacingBetweenSlices": 1,
    "StationName": "FMRI3ta",
    "acq_id": "MPRAGE",
    "dataset": "ds004215",
    "modality": "T1w",
    "rec_id": "SCIC",
    "session_id": "01",
    "subject_id": "ON18047"
  },
  "cjv": 0.39386301360300335,
  "cnr": 3.4451827647747635,
  "efc": 0.6501811558005011,
  "fber": 18379.016331360945,
  "fwhm_avg": 3.6572033333333334,
  "fwhm_x": 3.55453,
  "fwhm_y": 3.76632,
  "fwhm_z": 3.65076,
  "icvs_csf": 0.2614385275314323,
  "icvs_gm": 0.3933381938549513,
  "icvs_wm": 0.34522327861361635,
  "inu_med": 0.5042482316493988,
  "inu_range": 0.07558536678552624,
  "provenance": {
    "md5sum": "a728a14dd4c02151503a2537d2f49103",
    "settings": {
      "testing": false
    },
    "software": "mriqc",
    "version": "22.0.6",
    "warnings": {
      "large_rot_frame": true,
      "small_air_mask": false
    },
    "webapi_port": null,
    "webapi_url": "https://mriqc.nimh.nih.gov/api/v1"
  },
  "qi_1": 0.0,
  "qi_2": 0.007006764824708991,
  "rpve_csf": 24.53589326709298,
  "rpve_gm": 15.52000460577449,
  "rpve_wm": 20.745406245791862,
  "size_x": 208,
  "size_y": 256,
  "size_z": 256,
  "snr_csf": 1.7656433124991726,
  "snr_gm": 8.89800924577112,
  "snr_total": 10.001607806854329,
  "snr_wm": 19.341170862292696,
  "snrd_csf": 14.999048699082845,
  "snrd_gm": 65.1785903601341,
  "snrd_total": 58.631782044872345,
  "snrd_wm": 95.71770707540009,
  "spacing_x": 1.0,
  "spacing_y": 1.0,
  "spacing_z": 1.0,
  "summary_bg_k": 10.294512800049917,
  "summary_bg_mad": 0.0,
  "summary_bg_mean": 4.117711639095186,
  "summary_bg_median": 0.0,
  "summary_bg_n": 864007.0,
  "summary_bg_p05": 0.0,
  "summary_bg_p95": 18.511081170848346,
  "summary_bg_stdv": 6.844463926633488,
  "summary_csf_k": 3.422935099025339,
  "summary_csf_mad": 61.821034897858276,
  "summary_csf_mean": 178.6392744125881,
  "summary_csf_median": 156.70087596215308,
  "summary_csf_n": 82293.0,
  "summary_csf_p05": 79.89984547160566,
  "summary_csf_p95": 368.8928515531121,
  "summary_csf_stdv": 88.74947887764408,
  "summary_gm_k": -0.04997911825369172,
  "summary_gm_mad": 75.78773719345051,
  "summary_gm_mean": 680.2683096331644,
  "summary_gm_median": 680.9459991976619,
  "summary_gm_n": 29922.0,
  "summary_gm_p05": 552.9289942261763,
  "summary_gm_p95": 806.309179019369,
  "summary_gm_stdv": 76.52662540687356,
  "summary_wm_k": 0.3395725184728833,
  "summary_wm_mad": 49.875828987154385,
  "summary_wm_mean": 999.4605578691023,
  "summary_wm_median": 999.9999896474183,
  "summary_wm_n": 200848.0,
  "summary_wm_p05": 913.3323322571814,
  "summary_wm_p95": 1083.147393219173,
  "summary_wm_stdv": 51.7030487616018,
  "tpm_overlap_csf": 0.1498187059230351,
  "tpm_overlap_gm": 0.4378505039167334,
  "tpm_overlap_wm": 0.5052744254392086,
  "wm2max": 0.6624841925470939
}