{
  "aor": 0.0029454773869346733,
  "aqi": 0.0018451099597989948,
  "bids_meta": {
    "AcquisitionMatrixPE": 64,
    "AcquisitionNumber": 1,
    "AcquisitionTime": "09:50:51.000000",
    "BodyPartExamined": "BRAIN",
    "CoilString": "32Ch Head",
    "ConversionSoftware": "dcm2niix",
    "ConversionSoftwareVersion": "v1.0.20211006",
    "Dcm2bidsVersion": "2.1.6",
    "DeviceSerialNumber": "000301496MR3T5MR",
    "EchoTime": 0.0169,
    "EffectiveEchoSpacing": 0.000416,
    "FlipAngle": 90,
    "ImageOrientationPatientDICOM": [
      1,
      0,
      0,
      0,
      1,
      0
    ],
    "ImageType": [
      "ORIGINAL",
      "PRIMARY",
      "OTHER"
    ],
    "ImagingFrequency": 127.824,
    "InPlanePhaseEncodingDirectionDICOM": "COL",
    "InstitutionName": "NIH FMRIF",
    "InternalPulseSequenceName": "EPI",
    "MRAcquisitionType": "2D",
    "MagneticFieldStrength": 3,
    "Manufacturer": "GE",
    "ManufacturersModelName": "DISCOVERY MR750",
    "Modality": "MR",
    "PatientPosition": "HFS",
    "PercentPhaseFOV": 100,
    "PercentSampling": 100,
    "PhaseEncodingDirection": "j",
    "PhaseEncodingPolarityGE": "Flipped",
    "PixelBandwidth": 7812.5,
    "ProcedureStepDescription": "MRI Brain",
    "ProtocolName": "ADNI3 FMRIF Enhanced Pro",
    "PulseSequenceName": "epi",
    "ReconMatrixPE": 64,
    "RepetitionTime": 3,
    "SAR": 0.185143,
    "ScanOptions": "MP_GEMS\\EPI_GEMS\\PFF",
    "ScanningSequence": "EP\\GR",
    "SequenceVariant": "SS",
    "SeriesDescription": "Axial rsfMRI with Eyes Open - RKV",
    "SeriesNumber": 10,
    "SliceThickness": 3.4,
    "SliceTiming": [
      0,
      1.5,
      0.0625,
      1.5625,
      0.125,
      1.625,
      0.1875,
      1.6875,
      0.25,
      1.75,
      0.3125,
      1.8125,
      0.375,
      1.875,
      0.4375,
      1.9375,
      0.5,
      2,
      0.5625,
      2.0625,
      0.625,
      2.125,
      0.6875,
      2.1875,
      0.75,
      2.25,
      0.8125,
      2.3125,
      0.875,
      2.375,
      0.9375,
      2.4375,
      1,
      2.5,
      1.0625,
      2.5625,
      1.125,
      2.625,
      1.1875,
      2.6875,
      1.25,
      2.75,
      1.3125,
      2.8125,
      1.375,
      2.875,
      1.4375,
      2.9375
    ],
    "SoftwareVersions": "27\\LX\\MR Software release:DV26.0_R03_1831.b",
    "SpacingBetweenSlices": 3.4,
    "StationName": "FMRI3ta",
    "TaskName": "Resting state with eyes open.",
    "TotalReadoutTime": 0.026208,
    "TriggerDelayTime": 599938,
    "dataset": "ds004215",
    "modality": "bold",
    "session_id": "01",
    "subject_id": "ON08155",
    "task_id": "rest"
  },
  "dummy_trs": 1,
  "dvars_nstd": 13.998597530606062,
  "dvars_std": 1.205794791818181,
  "dvars_vstd": 0.9551467384343441,
  "efc": 0.5125430340975955,
  "fber": 3460.707763671875,
  "fd_mean": 0.07769992229778262,
  "fd_num": 12,
  "fd_perc": 6.030150753768845,
  "fwhm_avg": 2.966781600394661,
  "fwhm_x": 2.8789236363636364,
  "fwhm_y": 2.7067461818181817,
  "fwhm_z": 3.3146749830021656,
  "gcor": 0.0342061,
  "gsr_x": -0.008916751481592655,
  "gsr_y": 0.08666229248046875,
  "provenance": {
    "md5sum": "2f7b9573d6b7959c36a0125d1a0e1561",
    "settings": {
      "fd_thres": 0.2,
      "testing": false
    },
    "software": "mriqc",
    "version": "22.0.6",
    "webapi_port": null,
    "webapi_url": "https://mriqc.nimh.nih.gov/api/v1"
  },
  "size_t": 199,
  "size_x": 64,
  "size_y": 64,
  "size_z": 48,
  "snr": 3.3065306021946315,
  "spacing_tr": 3.0,
  "spacing_x": 3.4375,
  "spacing_y": 3.4375,
  "spacing_z": 3.4000015258789062,
  "summary_bg_k": 12.578126810299965,
  "summary_bg_mad": 17.016395822062734,
  "summary_bg_mean": 192.9070281982422,
  "summary_bg_median": 40.025123596191406,
  "summary_bg_n": 124762.0,
  "summary_bg_p05": 23.708541870117188,
  "summary_bg_p95": 1056.3155273437499,
  "summary_bg_stdv": 374.4285888671875,
  "summary_fg_k": 4.137354476628596,
  "summary_fg_mad": 549.4194978003559,
  "summary_fg_mean": 2488.681640625,
  "summary_fg_median": 2356.91455078125,
  "summary_fg_n": 31734.0,
  "summary_fg_p05": 1612.6000183105468,
  "summary_fg_p95": 3833.973608398437,
  "summary_fg_stdv": 712.794677734375,
  "tsnr": 107.7848458266817
}