{
  "aor": 0.03894111111111111,
  "aqi": 0.0009256665555555555,
  "bids_meta": {
    "AcquisitionMatrixPE": 64,
    "AcquisitionNumber": 1,
    "AcquisitionTime": "10:01:58.000000",
    "BodyPartExamined": "BRAIN",
    "CoilString": "32Ch Head",
    "ConversionSoftware": "dcm2niix",
    "ConversionSoftwareVersion": "v1.0.20211006",
    "Dcm2bidsVersion": "2.1.6",
    "DeviceSerialNumber": "000301496MR3T5MR",
    "EchoTime": 0.0169,
    "EffectiveEchoSpacing": 0.000416,
    "FlipAngle": 90,
    "ImageOrientationPatientDICOM": [
      1,
      0,
      0,
      0,
      1,
      0
    ],
    "ImageType": [
      "ORIGINAL",
      "PRIMARY",
      "OTHER"
    ],
    "ImagingFrequency": 127.824,
    "InPlanePhaseEncodingDirectionDICOM": "COL",
    "InstitutionName": "NIH FMRIF",
    "InternalPulseSequenceName": "EPI",
    "MRAcquisitionType": "2D",
    "MagneticFieldStrength": 3,
    "Manufacturer": "GE",
    "ManufacturersModelName": "DISCOVERY MR750",
    "Modality": "MR",
    "PatientPosition": "HFS",
    "PercentPhaseFOV": 100,
    "PercentSampling": 100,
    "PhaseEncodingDirection": "j",
    "PhaseEncodingPolarityGE": "Flipped",
    "PixelBandwidth": 7812.5,
    "ProcedureStepDescription": "MRI Brain",
    "ProtocolName": "ADNI3 FMRIF Enhanced Pro",
    "PulseSequenceName": "epi",
    "ReconMatrixPE": 64,
    "RepetitionTime": 3,
    "SAR": 0.184929,
    "ScanOptions": "MP_GEMS\\EPI_GEMS\\PFF",
    "ScanningSequence": "EP\\GR",
    "SequenceVariant": "SS",
    "SeriesDescription": "Axial rsfMRI reverse blip - RKV",
    "SeriesNumber": 11,
    "SliceThickness": 3.4,
    "SliceTiming": [
      0,
      1.5,
      0.0625,
      1.5625,
      0.125,
      1.625,
      0.1875,
      1.6875,
      0.25,
      1.75,
      0.3125,
      1.8125,
      0.375,
      1.875,
      0.4375,
      1.9375,
      0.5,
      2,
      0.5625,
      2.0625,
      0.625,
      2.125,
      0.6875,
      2.1875,
      0.75,
      2.25,
      0.8125,
      2.3125,
      0.875,
      2.375,
      0.9375,
      2.4375,
      1,
      2.5,
      1.0625,
      2.5625,
      1.125,
      2.625,
      1.1875,
      2.6875,
      1.25,
      2.75,
      1.3125,
      2.8125,
      1.375,
      2.875,
      1.4375,
      2.9375
    ],
    "SoftwareVersions": "27\\LX\\MR Software release:DV26.0_R03_1831.b",
    "SpacingBetweenSlices": 3.4,
    "StationName": "FMRI3ta",
    "TaskName": "Resting state with reverse blip.",
    "TotalReadoutTime": 0.026208,
    "TriggerDelayTime": 29938,
    "dataset": "ds004215",
    "modality": "bold",
    "session_id": "01",
    "subject_id": "ON08155",
    "task_id": "rest"
  },
  "dummy_trs": 1,
  "dvars_nstd": 15.480917811249999,
  "dvars_std": 1.511254445,
  "dvars_vstd": 1.47125585375,
  "efc": 0.5110828835022194,
  "fber": 3645.05224609375,
  "fd_mean": 0.08013248950205251,
  "fd_num": 0,
  "fd_perc": 0.0,
  "fwhm_avg": 2.9508569422012427,
  "fwhm_x": 2.873463272727273,
  "fwhm_y": 2.649579636363636,
  "fwhm_z": 3.3295279175128183,
  "gcor": 0.0333177,
  "gsr_x": -0.0072158039547502995,
  "gsr_y": 0.08698344230651855,
  "provenance": {
    "md5sum": "e8091c708facbaf45ee2a8025f3b936a",
    "settings": {
      "fd_thres": 0.2,
      "testing": false
    },
    "software": "mriqc",
    "version": "22.0.6",
    "webapi_port": null,
    "webapi_url": "https://mriqc.nimh.nih.gov/api/v1"
  },
  "size_t": 9,
  "size_x": 64,
  "size_y": 64,
  "size_z": 48,
  "snr": 3.2698551206095416,
  "spacing_tr": 3.0,
  "spacing_x": 3.4375,
  "spacing_y": 3.4375,
  "spacing_z": 3.4000015258789062,
  "summary_bg_k": 12.208346645116643,
  "summary_bg_mad": 15.814422721446649,
  "summary_bg_mean": 198.65176391601562,
  "summary_bg_median": 39.11111068725586,
  "summary_bg_n": 125758.0,
  "summary_bg_p05": 25.0,
  "summary_bg_p95": 1098.238952636718,
  "summary_bg_stdv": 389.28271484375,
  "summary_fg_k": 4.284242497085399,
  "summary_fg_mad": 551.1162918798968,
  "summary_fg_mean": 2493.6171875,
  "summary_fg_median": 2357.83349609375,
  "summary_fg_n": 31654.0,
  "summary_fg_p05": 1611.2944946289062,
  "summary_fg_p95": 3858.988977050779,
  "summary_fg_stdv": 721.070556640625,
  "tsnr": 181.68369820341468
}