{
  "bids_meta": {
    "AcquisitionMatrixPE": 256,
    "AcquisitionNumber": 1,
    "AcquisitionTime": "15:20:22.000000",
    "BodyPartExamined": "BRAIN",
    "CoilString": "32Ch Head",
    "ConversionSoftware": "dcm2niix",
    "ConversionSoftwareVersion": "v1.0.20211006",
    "Dcm2bidsVersion": "2.1.6",
    "DeviceSerialNumber": "000301496MR3T6MR",
    "EchoTime": 0.066226,
    "EchoTrainLength": 140,
    "FlipAngle": 90,
    "ImageOrientationPatientDICOM": [
      0,
      1,
      0,
      0,
      0,
      -1
    ],
    "ImageType": [
      "ORIGINAL",
      "PRIMARY",
      "OTHER"
    ],
    "ImagingFrequency": 127.697,
    "InPlanePhaseEncodingDirectionDICOM": "ROW",
    "InstitutionName": "NIH FMRIF",
    "MRAcquisitionType": "3D",
    "MagneticFieldStrength": 3,
    "Manufacturer": "GE",
    "ManufacturersModelName": "DISCOVERY MR750",
    "Modality": "MR",
    "ParallelReductionFactorInPlane": 2,
    "ParallelReductionOutOfPlane": 1.5,
    "PatientPosition": "HFS",
    "PercentPhaseFOV": 100,
    "PercentSampling": 100,
    "PhaseEncodingAxis": "i",
    "PixelBandwidth": 244.141,
    "ProcedureStepDescription": "MRI Brain",
    "ProtocolName": "ADNI3 FMRIF Enhanced Pro",
    "ReconMatrixPE": 256,
    "RepetitionTime": 3.202,
    "SAR": 0.4358,
    "ScanOptions": "SAT_GEMS\\EDR_GEMS\\PROMO_GEMS\\ACC_GEMS\\FS\\FR_GEMS",
    "ScanningSequence": "RM",
    "SequenceVariant": "NONE",
    "SeriesDescription": "Sag_CUBE_T2",
    "SeriesNumber": 4,
    "SliceThickness": 1,
    "SoftwareVersions": "27\\LX\\MR Software release:DV26.0_R01_1725.a",
    "SpacingBetweenSlices": 1,
    "StationName": "fmrif3tb",
    "acq_id": "CUBE",
    "dataset": "ds004215",
    "modality": "T2w",
    "session_id": "01",
    "subject_id": "ON26854"
  },
  "cjv": 0.7113156577422178,
  "cnr": 1.2391997123071097,
  "efc": 0.3774225816528187,
  "fber": -1.0,
  "fwhm_avg": 2.5419666666666667,
  "fwhm_x": 2.18919,
  "fwhm_y": 2.79232,
  "fwhm_z": 2.64439,
  "icvs_csf": 0.3546218846405604,
  "icvs_gm": 0.1813449086605801,
  "icvs_wm": 0.4640332066988595,
  "inu_med": 0.9457481503486633,
  "inu_range": 0.6466947197914124,
  "provenance": {
    "md5sum": "0933de0b31236f7993333372433d203e",
    "settings": {
      "testing": false
    },
    "software": "mriqc",
    "version": "22.0.6",
    "warnings": {
      "large_rot_frame": true,
      "small_air_mask": false
    },
    "webapi_port": null,
    "webapi_url": "https://mriqc.nimh.nih.gov/api/v1"
  },
  "qi_1": 0.0,
  "qi_2": 0.02200457355404805,
  "rpve_csf": 16.371464827340073,
  "rpve_gm": 37.72583853216201,
  "rpve_wm": 14.096299114989538,
  "size_x": 204,
  "size_y": 256,
  "size_z": 256,
  "snr_csf": 12.391411430734815,
  "snr_gm": 1.9763757129610862,
  "snr_total": 8.734932408016691,
  "snr_wm": 11.83701008035417,
  "snrd_csf": 92.97386040954053,
  "snrd_gm": 171.46481984338428,
  "snrd_total": 109.39499984560405,
  "snrd_wm": 63.746319283887345,
  "spacing_x": 1.0,
  "spacing_y": 1.0,
  "spacing_z": 1.0,
  "summary_bg_k": 5.49825959746649,
  "summary_bg_mad": 0.0,
  "summary_bg_mean": 7.2733073028781545,
  "summary_bg_median": 0.0,
  "summary_bg_n": 4537798.0,
  "summary_bg_p05": 0.0,
  "summary_bg_p95": 29.063681587576866,
  "summary_bg_stdv": 10.27724247291097,
  "summary_csf_k": 0.42397565035660145,
  "summary_csf_mad": 113.7525055293541,
  "summary_csf_mean": 1462.861457172202,
  "summary_csf_median": 1458.4976610541344,
  "summary_csf_n": 34645.0,
  "summary_csf_p05": 1278.0774105340242,
  "summary_csf_p95": 1662.6680114865303,
  "summary_csf_stdv": 117.70060415434509,
  "summary_gm_k": -1.3424028471683174,
  "summary_gm_mad": 1117.7108727983964,
  "summary_gm_mean": 2089.626129472028,
  "summary_gm_median": 2689.799451082945,
  "summary_gm_n": 54830.0,
  "summary_gm_p05": 66.90282382071018,
  "summary_gm_p95": 3910.196322355419,
  "summary_gm_stdv": 1360.9633556989083,
  "summary_wm_k": 0.1713553188178527,
  "summary_wm_mad": 84.26995687694018,
  "summary_wm_mean": 1001.0025164777704,
  "summary_wm_median": 999.9999695271254,
  "summary_wm_n": 171734.0,
  "summary_wm_p05": 864.1816015541553,
  "summary_wm_p95": 1139.0386900305748,
  "summary_wm_stdv": 84.48054460165453,
  "tpm_overlap_csf": 0.10301669416008546,
  "tpm_overlap_gm": 0.09629308857850409,
  "tpm_overlap_wm": 0.45208851925619054,
  "wm2max": 0.2630528013534904
}