{
  "bids_meta": {
    "AcquisitionMatrixPE": 256,
    "AcquisitionNumber": 1,
    "AcquisitionTime": "15:14:12.000000",
    "BodyPartExamined": "BRAIN",
    "CoilString": "32Ch Head",
    "ConversionSoftware": "dcm2niix",
    "ConversionSoftwareVersion": "v1.0.20211006",
    "Dcm2bidsVersion": "2.1.6",
    "DeviceSerialNumber": "000301496MR3T6MR",
    "EchoTime": 0.003036,
    "FlipAngle": 11,
    "ImageOrientationPatientDICOM": [
      0,
      1,
      0,
      0,
      0,
      -1
    ],
    "ImageType": [
      "ORIGINAL",
      "PRIMARY",
      "OTHER"
    ],
    "ImagingFrequency": 127.697,
    "InPlanePhaseEncodingDirectionDICOM": "ROW",
    "InstitutionName": "NIH FMRIF",
    "InversionTime": 0.4,
    "MRAcquisitionType": "3D",
    "MagneticFieldStrength": 3,
    "Manufacturer": "GE",
    "ManufacturersModelName": "DISCOVERY MR750",
    "Modality": "MR",
    "ParallelReductionFactorInPlane": 1.72974,
    "PatientPosition": "HFS",
    "PercentPhaseFOV": 100,
    "PercentSampling": 100,
    "PixelBandwidth": 244.141,
    "ProcedureStepDescription": "MRI Brain",
    "ProtocolName": "ADNI3 FMRIF Enhanced Pro",
    "ReconMatrixPE": 256,
    "RepetitionTime": 0.007348,
    "SAR": 0.175136,
    "ScanOptions": "FAST_GEMS\\EDR_GEMS\\FILTERED_GEMS\\ACC_GEMS\\IR_GEMS",
    "ScanningSequence": "GR",
    "SequenceVariant": "SS\\SP\\SK",
    "SeriesDescription": "Accelerated Sagittal IR-FSPGR",
    "SeriesNumber": 3,
    "SliceThickness": 1.2,
    "SoftwareVersions": "27\\LX\\MR Software release:DV26.0_R01_1725.a",
    "SpacingBetweenSlices": 1.2,
    "SpoilingState": true,
    "StationName": "fmrif3tb",
    "acq_id": "FSPGR",
    "dataset": "ds004215",
    "modality": "T1w",
    "rec_id": "SCIC",
    "session_id": "01",
    "subject_id": "ON26854"
  },
  "cjv": 0.30421904818582285,
  "cnr": 4.525565765966848,
  "efc": 0.5564420886791266,
  "fber": -1.0,
  "fwhm_avg": 3.7813844246471793,
  "fwhm_x": 3.5479364656964654,
  "fwhm_y": 4.140267307971266,
  "fwhm_z": 3.655949500273807,
  "icvs_csf": 0.21071336284018763,
  "icvs_gm": 0.4360052065512596,
  "icvs_wm": 0.35328143060855277,
  "inu_med": 0.474948912858963,
  "inu_range": 0.10253429412841797,
  "provenance": {
    "md5sum": "840e7ca9f78238117b42eca2ec8df26b",
    "settings": {
      "testing": false
    },
    "software": "mriqc",
    "version": "22.0.6",
    "warnings": {
      "large_rot_frame": true,
      "small_air_mask": false
    },
    "webapi_port": null,
    "webapi_url": "https://mriqc.nimh.nih.gov/api/v1"
  },
  "qi_1": 0.0,
  "qi_2": 0.005819356914026683,
  "rpve_csf": 34.03018895070017,
  "rpve_gm": 17.595446933945944,
  "rpve_wm": 25.865550876085752,
  "size_x": 196,
  "size_y": 256,
  "size_z": 256,
  "snr_csf": 1.6744972266924663,
  "snr_gm": 9.963003558348078,
  "snr_total": 11.606989680340638,
  "snr_wm": 23.183468255981364,
  "snrd_csf": 15.740130715849663,
  "snrd_gm": 53.81081673199406,
  "snrd_total": 50.95679675223021,
  "snrd_wm": 83.31944280884692,
  "spacing_x": 1.2000045776367188,
  "spacing_y": 1.0547000169754028,
  "spacing_z": 1.0547000169754028,
  "summary_bg_k": 18.169536879511586,
  "summary_bg_mad": 0.0,
  "summary_bg_mean": 4.540301339933227,
  "summary_bg_median": 0.0,
  "summary_bg_n": 1134799.0,
  "summary_bg_p05": 0.0,
  "summary_bg_p95": 19.642091527581215,
  "summary_bg_stdv": 7.8626880887517645,
  "summary_csf_k": 0.861332908808603,
  "summary_csf_mad": 100.60567122446649,
  "summary_csf_mean": 211.6408099904398,
  "summary_csf_median": 188.90682657063007,
  "summary_csf_n": 19319.0,
  "summary_csf_p05": 65.14846733510495,
  "summary_csf_p95": 432.3896658420558,
  "summary_csf_stdv": 112.81113778515947,
  "summary_gm_k": 0.049788126044826964,
  "summary_gm_mad": 64.88797056148204,
  "summary_gm_mean": 644.468070653573,
  "summary_gm_median": 645.8161502927542,
  "summary_gm_n": 33775.0,
  "summary_gm_p05": 535.7874812088907,
  "summary_gm_p95": 748.3867567714303,
  "summary_gm_stdv": 64.82047164542956,
  "summary_wm_k": 0.14047247109372796,
  "summary_wm_mad": 42.85146851085824,
  "summary_wm_mean": 998.9807117656026,
  "summary_wm_median": 999.9670153185725,
  "summary_wm_n": 160393.0,
  "summary_wm_p05": 926.2630329489708,
  "summary_wm_p95": 1067.5608571358025,
  "summary_wm_stdv": 43.132627397780325,
  "tpm_overlap_csf": 0.14457784650999658,
  "tpm_overlap_gm": 0.46602249654943684,
  "tpm_overlap_wm": 0.5172700035909331,
  "wm2max": 0.523164991292653
}