{
  "aor": 0.03791222222222222,
  "aqi": 0.000932461,
  "bids_meta": {
    "AcquisitionMatrixPE": 64,
    "AcquisitionNumber": 1,
    "AcquisitionTime": "11:35:51.000000",
    "BodyPartExamined": "BRAIN",
    "CoilString": "32Ch Head",
    "ConversionSoftware": "dcm2niix",
    "ConversionSoftwareVersion": "v1.0.20211006",
    "Dcm2bidsVersion": "2.1.6",
    "DeviceSerialNumber": "000301496mr3T5mr",
    "EchoTime": 0.0169,
    "EffectiveEchoSpacing": 0.000416,
    "FlipAngle": 90,
    "ImageOrientationPatientDICOM": [
      1,
      0,
      0,
      0,
      1,
      0
    ],
    "ImageType": [
      "ORIGINAL",
      "PRIMARY",
      "OTHER"
    ],
    "ImagingFrequency": 127.824,
    "InPlanePhaseEncodingDirectionDICOM": "COL",
    "InstitutionName": "NIH FMRIF",
    "InternalPulseSequenceName": "EPI",
    "MRAcquisitionType": "2D",
    "MagneticFieldStrength": 3,
    "Manufacturer": "GE",
    "ManufacturersModelName": "DISCOVERY MR750",
    "Modality": "MR",
    "PatientPosition": "HFS",
    "PercentPhaseFOV": 100,
    "PercentSampling": 100,
    "PhaseEncodingDirection": "j",
    "PhaseEncodingPolarityGE": "Flipped",
    "PixelBandwidth": 7812.5,
    "ProcedureStepDescription": "MRI Brain",
    "ProtocolName": "ADNI3 FMRIF Enhanced Pro",
    "PulseSequenceName": "epi",
    "ReconMatrixPE": 64,
    "RepetitionTime": 3,
    "SAR": 0.184505,
    "ScanOptions": "MP_GEMS\\EPI_GEMS\\PFF",
    "ScanningSequence": "EP\\GR",
    "SequenceVariant": "SS",
    "SeriesDescription": "Axial rsfMRI reverse blip - RKV",
    "SeriesNumber": 11,
    "SliceThickness": 3.4,
    "SliceTiming": [
      0,
      1.5,
      0.0625,
      1.5625,
      0.125,
      1.625,
      0.1875,
      1.6875,
      0.25,
      1.75,
      0.3125,
      1.8125,
      0.375,
      1.875,
      0.4375,
      1.9375,
      0.5,
      2,
      0.5625,
      2.0625,
      0.625,
      2.125,
      0.6875,
      2.1875,
      0.75,
      2.25,
      0.8125,
      2.3125,
      0.875,
      2.375,
      0.9375,
      2.4375,
      1,
      2.5,
      1.0625,
      2.5625,
      1.125,
      2.625,
      1.1875,
      2.6875,
      1.25,
      2.75,
      1.3125,
      2.8125,
      1.375,
      2.875,
      1.4375,
      2.9375
    ],
    "SoftwareVersions": "27\\LX\\MR Software release:DV26.0_R03_1831.b",
    "SpacingBetweenSlices": 3.4,
    "StationName": "FMRI3ta",
    "TaskName": "Resting state with reverse blip.",
    "TotalReadoutTime": 0.026208,
    "TriggerDelayTime": 29938,
    "dataset": "ds004215",
    "modality": "bold",
    "session_id": "01",
    "subject_id": "ON43016",
    "task_id": "rest"
  },
  "dummy_trs": 1,
  "dvars_nstd": 11.76872861375,
  "dvars_std": 1.3767371012499998,
  "dvars_vstd": 1.3941208287499998,
  "efc": 0.4537179013472741,
  "fber": 5061.931640625,
  "fd_mean": 0.10015905631386615,
  "fd_num": 1,
  "fd_perc": 11.11111111111111,
  "fwhm_avg": 2.718044925918408,
  "fwhm_x": 2.636610909090909,
  "fwhm_y": 2.5081134545454544,
  "fwhm_z": 3.0094104141188613,
  "gcor": 0.0229948,
  "gsr_x": -0.018078293651342392,
  "gsr_y": 0.05136965960264206,
  "provenance": {
    "md5sum": "82cdc1abec94c77776010129d7fa7275",
    "settings": {
      "fd_thres": 0.2,
      "testing": false
    },
    "software": "mriqc",
    "version": "22.0.6",
    "webapi_port": null,
    "webapi_url": "https://mriqc.nimh.nih.gov/api/v1"
  },
  "size_t": 9,
  "size_x": 64,
  "size_y": 64,
  "size_z": 48,
  "snr": 4.40822230250445,
  "spacing_tr": 3.0,
  "spacing_x": 3.4375,
  "spacing_y": 3.4375,
  "spacing_z": 3.4000015258789062,
  "summary_bg_k": 62.81378148439697,
  "summary_bg_mad": 10.213485405953309,
  "summary_bg_mean": 132.59542846679688,
  "summary_bg_median": 33.4444465637207,
  "summary_bg_n": 136199.0,
  "summary_bg_p05": 24.0,
  "summary_bg_p95": 644.4444580078125,
  "summary_bg_stdv": 277.0803527832031,
  "summary_fg_k": 1.8826148410921268,
  "summary_fg_mad": 478.221562148894,
  "summary_fg_mean": 2432.897705078125,
  "summary_fg_median": 2354.0,
  "summary_fg_n": 25065.0,
  "summary_fg_p05": 1691.1333251953124,
  "summary_fg_p95": 3382.533447265625,
  "summary_fg_stdv": 533.991455078125,
  "tsnr": 198.96945652272552
}