{
  "aor": 0.004863668341708542,
  "aqi": 0.002608420527638191,
  "bids_meta": {
    "AcquisitionMatrixPE": 64,
    "AcquisitionNumber": 1,
    "AcquisitionTime": "11:25:2.000000",
    "BodyPartExamined": "BRAIN",
    "CoilString": "32Ch Head",
    "ConversionSoftware": "dcm2niix",
    "ConversionSoftwareVersion": "v1.0.20211006",
    "Dcm2bidsVersion": "2.1.6",
    "DeviceSerialNumber": "000301496mr3T5mr",
    "EchoTime": 0.0169,
    "EffectiveEchoSpacing": 0.000416,
    "FlipAngle": 90,
    "ImageOrientationPatientDICOM": [
      1,
      0,
      0,
      0,
      1,
      0
    ],
    "ImageType": [
      "ORIGINAL",
      "PRIMARY",
      "OTHER"
    ],
    "ImagingFrequency": 127.824,
    "InPlanePhaseEncodingDirectionDICOM": "COL",
    "InstitutionName": "NIH FMRIF",
    "InternalPulseSequenceName": "EPI",
    "MRAcquisitionType": "2D",
    "MagneticFieldStrength": 3,
    "Manufacturer": "GE",
    "ManufacturersModelName": "DISCOVERY MR750",
    "Modality": "MR",
    "PatientPosition": "HFS",
    "PercentPhaseFOV": 100,
    "PercentSampling": 100,
    "PhaseEncodingDirection": "j",
    "PhaseEncodingPolarityGE": "Flipped",
    "PixelBandwidth": 7812.5,
    "ProcedureStepDescription": "MRI Brain",
    "ProtocolName": "ADNI3 FMRIF Enhanced Pro",
    "PulseSequenceName": "epi",
    "ReconMatrixPE": 64,
    "RepetitionTime": 3,
    "SAR": 0.184291,
    "ScanOptions": "MP_GEMS\\EPI_GEMS\\PFF",
    "ScanningSequence": "EP\\GR",
    "SequenceVariant": "SS",
    "SeriesDescription": "Axial rsfMRI with Eyes Open - RKV",
    "SeriesNumber": 10,
    "SliceThickness": 3.4,
    "SliceTiming": [
      0,
      1.5,
      0.0625,
      1.5625,
      0.125,
      1.625,
      0.1875,
      1.6875,
      0.25,
      1.75,
      0.3125,
      1.8125,
      0.375,
      1.875,
      0.4375,
      1.9375,
      0.5,
      2,
      0.5625,
      2.0625,
      0.625,
      2.125,
      0.6875,
      2.1875,
      0.75,
      2.25,
      0.8125,
      2.3125,
      0.875,
      2.375,
      0.9375,
      2.4375,
      1,
      2.5,
      1.0625,
      2.5625,
      1.125,
      2.625,
      1.1875,
      2.6875,
      1.25,
      2.75,
      1.3125,
      2.8125,
      1.375,
      2.875,
      1.4375,
      2.9375
    ],
    "SoftwareVersions": "27\\LX\\MR Software release:DV26.0_R03_1831.b",
    "SpacingBetweenSlices": 3.4,
    "StationName": "FMRI3ta",
    "TaskName": "Resting state with eyes open.",
    "TotalReadoutTime": 0.026208,
    "TriggerDelayTime": 599938,
    "dataset": "ds004215",
    "modality": "bold",
    "session_id": "01",
    "subject_id": "ON43016",
    "task_id": "rest"
  },
  "dummy_trs": 1,
  "dvars_nstd": 15.14676645560607,
  "dvars_std": 1.2119685967676777,
  "dvars_vstd": 1.0059199261111114,
  "efc": 0.4543879426101504,
  "fber": 4906.78369140625,
  "fd_mean": 0.16919276130027416,
  "fd_num": 61,
  "fd_perc": 30.65326633165829,
  "fwhm_avg": 2.7195805226187306,
  "fwhm_x": 2.6470807272727273,
  "fwhm_y": 2.4754269090909093,
  "fwhm_z": 3.0362339314925557,
  "gcor": 0.0616753,
  "gsr_x": -0.0215209499001503,
  "gsr_y": 0.054932206869125366,
  "provenance": {
    "md5sum": "d778db92bf256c7bfd155e7741f660f4",
    "settings": {
      "fd_thres": 0.2,
      "testing": false
    },
    "software": "mriqc",
    "version": "22.0.6",
    "webapi_port": null,
    "webapi_url": "https://mriqc.nimh.nih.gov/api/v1"
  },
  "size_t": 199,
  "size_x": 64,
  "size_y": 64,
  "size_z": 48,
  "snr": 4.376126998120102,
  "spacing_tr": 3.0,
  "spacing_x": 3.4375,
  "spacing_y": 3.4375,
  "spacing_z": 3.4000015258789062,
  "summary_bg_k": 53.48103519945424,
  "summary_bg_mad": 11.957668416726149,
  "summary_bg_mean": 136.81597900390625,
  "summary_bg_median": 34.17085266113281,
  "summary_bg_n": 136708.0,
  "summary_bg_p05": 21.810804176330567,
  "summary_bg_p95": 661.6519958496084,
  "summary_bg_stdv": 285.1915588378906,
  "summary_fg_k": 2.261422316173217,
  "summary_fg_mad": 478.96992154507575,
  "summary_fg_mean": 2431.22314453125,
  "summary_fg_median": 2352.251220703125,
  "summary_fg_n": 25077.0,
  "summary_fg_p05": 1693.173876953125,
  "summary_fg_p95": 3385.5085449218745,
  "summary_fg_stdv": 537.5082397460938,
  "tsnr": 106.96448904275894
}