{
  "bids_meta": {
    "AcquisitionMatrixPE": 256,
    "AcquisitionNumber": 1,
    "AcquisitionTime": "16:28:36.000000",
    "BodyPartExamined": "BRAIN",
    "CoilString": "32Ch Head",
    "ConversionSoftware": "dcm2niix",
    "ConversionSoftwareVersion": "v1.0.20211006",
    "Dcm2bidsVersion": "2.1.6",
    "DeviceSerialNumber": "000301496MR3T6MR",
    "EchoTime": 0.067099,
    "EchoTrainLength": 140,
    "FlipAngle": 90,
    "ImageOrientationPatientDICOM": [
      0,
      1,
      0,
      0,
      0,
      -1
    ],
    "ImageType": [
      "ORIGINAL",
      "PRIMARY",
      "OTHER"
    ],
    "ImagingFrequency": 127.696,
    "InPlanePhaseEncodingDirectionDICOM": "ROW",
    "InstitutionName": "NIH FMRIF",
    "MRAcquisitionType": "3D",
    "MagneticFieldStrength": 3,
    "Manufacturer": "GE",
    "ManufacturersModelName": "DISCOVERY MR750",
    "Modality": "MR",
    "ParallelReductionFactorInPlane": 2,
    "ParallelReductionOutOfPlane": 1.5,
    "PatientPosition": "HFS",
    "PercentPhaseFOV": 100,
    "PercentSampling": 100,
    "PhaseEncodingAxis": "i",
    "PixelBandwidth": 244.141,
    "ProcedureStepDescription": "MRI Brain",
    "ProtocolName": "ADNI3 FMRIF Enhanced Pro",
    "ReconMatrixPE": 256,
    "RepetitionTime": 3.202,
    "SAR": 0.4194,
    "ScanOptions": "SAT_GEMS\\EDR_GEMS\\PROMO_GEMS\\FILTERED_GEMS\\ACC_GEMS\\FS\\FR_GEMS",
    "ScanningSequence": "RM",
    "SequenceVariant": "NONE",
    "SeriesDescription": "Anat T2w CUBE (ABCD)",
    "SeriesNumber": 4,
    "SliceThickness": 1,
    "SoftwareVersions": "27\\LX\\MR Software release:DV26.0_R03_1831.b",
    "SpacingBetweenSlices": 1,
    "StationName": "FMRI3tb",
    "acq_id": "CUBE",
    "dataset": "ds004215",
    "modality": "T2w",
    "rec_id": "SCIC",
    "session_id": "01",
    "subject_id": "ON08571"
  },
  "cjv": 0.23197581239832926,
  "cnr": 4.645508302250308,
  "efc": 0.4637634649124791,
  "fber": 2151.627440301041,
  "fwhm_avg": 2.4255,
  "fwhm_x": 2.01765,
  "fwhm_y": 2.74494,
  "fwhm_z": 2.51391,
  "icvs_csf": 0.24476437056535746,
  "icvs_gm": 0.6985221198001756,
  "icvs_wm": 0.056713509634466856,
  "inu_med": 0.6268588304519653,
  "inu_range": 0.07607126235961914,
  "provenance": {
    "md5sum": "43bbaeff6a2f5cd4c92f8344ce2de3c8",
    "settings": {
      "testing": false
    },
    "software": "mriqc",
    "version": "22.0.6",
    "warnings": {
      "large_rot_frame": true,
      "small_air_mask": false
    },
    "webapi_port": null,
    "webapi_url": "https://mriqc.nimh.nih.gov/api/v1"
  },
  "qi_1": 0.000211729759958259,
  "qi_2": 0.00426145189639344,
  "rpve_csf": 23.555155883789926,
  "rpve_gm": 10.31290705730203,
  "rpve_wm": 102.99192975959016,
  "size_x": 204,
  "size_y": 256,
  "size_z": 256,
  "snr_csf": 6.705912203249466,
  "snr_gm": 8.80769060672755,
  "snr_total": 5.431939145876911,
  "snr_wm": 0.7822146276537181,
  "snrd_csf": 142.39733234247947,
  "snrd_gm": 48.647221649343386,
  "snrd_total": 65.60264189658177,
  "snrd_wm": 5.763371697922461,
  "spacing_x": 1.0,
  "spacing_y": 1.0,
  "spacing_z": 1.0,
  "summary_bg_k": 384.3862887623211,
  "summary_bg_mad": 0.0,
  "summary_bg_mean": 62.15284361835789,
  "summary_bg_median": 0.0,
  "summary_bg_n": 2668745.0,
  "summary_bg_p05": 0.0,
  "summary_bg_p95": 188.8320553600788,
  "summary_bg_stdv": 113.89046077197179,
  "summary_csf_k": 5.489089674844145,
  "summary_csf_mad": 2595.185863622565,
  "summary_csf_mean": 23714.128990292527,
  "summary_csf_median": 24754.688936814666,
  "summary_csf_n": 76596.0,
  "summary_csf_p05": 16211.104075424373,
  "summary_csf_p95": 27325.34112160653,
  "summary_csf_stdv": 3691.4481719164646,
  "summary_gm_k": -0.06097415730905498,
  "summary_gm_mad": 963.7546431326949,
  "summary_gm_mean": 8502.480755311115,
  "summary_gm_median": 8456.94803237915,
  "summary_gm_n": 556498.0,
  "summary_gm_p05": 7004.262604236603,
  "summary_gm_p95": 10168.371739536524,
  "summary_gm_stdv": 960.1768285948568,
  "summary_wm_k": 5.971128654668506,
  "summary_wm_mad": 765.6319673149245,
  "summary_wm_mean": 1448.4082880057213,
  "summary_wm_median": 1001.9181628078222,
  "summary_wm_n": 7404.0,
  "summary_wm_p05": 290.28133115172386,
  "summary_wm_p95": 4114.833777004479,
  "summary_wm_stdv": 1280.7872219524893,
  "tpm_overlap_csf": 0.1518802208024671,
  "tpm_overlap_gm": 0.41566249905565694,
  "tpm_overlap_wm": 0.01930865354368924,
  "wm2max": 0.03651091987946193
}