{
  "aor": 0.006630150753768844,
  "aqi": 0.003670705728643216,
  "bids_meta": {
    "AcquisitionMatrixPE": 64,
    "AcquisitionNumber": 1,
    "AcquisitionTime": "15:01:11.000000",
    "BodyPartExamined": "BRAIN",
    "CoilString": "32Ch Head",
    "ConversionSoftware": "dcm2niix",
    "ConversionSoftwareVersion": "v1.0.20211006",
    "Dcm2bidsVersion": "2.1.6",
    "DeviceSerialNumber": "000301496MR3T6MR",
    "EchoTime": 0.0169,
    "EffectiveEchoSpacing": 0.000416,
    "FlipAngle": 90,
    "ImageOrientationPatientDICOM": [
      1,
      0,
      0,
      0,
      1,
      0
    ],
    "ImageType": [
      "ORIGINAL",
      "PRIMARY",
      "OTHER"
    ],
    "ImagingFrequency": 127.697,
    "InPlanePhaseEncodingDirectionDICOM": "COL",
    "InstitutionName": "NIH FMRIF",
    "InternalPulseSequenceName": "EPI",
    "MRAcquisitionType": "2D",
    "MagneticFieldStrength": 3,
    "Manufacturer": "GE",
    "ManufacturersModelName": "DISCOVERY MR750",
    "Modality": "MR",
    "PatientPosition": "HFS",
    "PercentPhaseFOV": 100,
    "PercentSampling": 100,
    "PhaseEncodingDirection": "j",
    "PhaseEncodingPolarityGE": "Flipped",
    "PixelBandwidth": 7812.5,
    "ProcedureStepDescription": "MRI Brain",
    "ProtocolName": "ADNI3 FMRIF Enhanced Pro",
    "PulseSequenceName": "epi",
    "ReconMatrixPE": 64,
    "RepetitionTime": 3,
    "SAR": 0.192486,
    "ScanOptions": "MP_GEMS\\EPI_GEMS\\PFF",
    "ScanningSequence": "EP\\GR",
    "SequenceVariant": "SS",
    "SeriesDescription": "Axial rsfMRI with Eyes Open - RKV",
    "SeriesNumber": 11,
    "SliceThickness": 3.4,
    "SliceTiming": [
      0,
      1.5,
      0.0625,
      1.5625,
      0.125,
      1.625,
      0.1875,
      1.6875,
      0.25,
      1.75,
      0.3125,
      1.8125,
      0.375,
      1.875,
      0.4375,
      1.9375,
      0.5,
      2,
      0.5625,
      2.0625,
      0.625,
      2.125,
      0.6875,
      2.1875,
      0.75,
      2.25,
      0.8125,
      2.3125,
      0.875,
      2.375,
      0.9375,
      2.4375,
      1,
      2.5,
      1.0625,
      2.5625,
      1.125,
      2.625,
      1.1875,
      2.6875,
      1.25,
      2.75,
      1.3125,
      2.8125,
      1.375,
      2.875,
      1.4375,
      2.9375
    ],
    "SoftwareVersions": "27\\LX\\MR Software release:DV26.0_R01_1725.a",
    "SpacingBetweenSlices": 3.4,
    "StationName": "fmrif3tb",
    "TaskName": "Resting state with eyes open.",
    "TotalReadoutTime": 0.026208,
    "TriggerDelayTime": 599938,
    "dataset": "ds004215",
    "modality": "bold",
    "session_id": "01",
    "subject_id": "ON75450",
    "task_id": "rest"
  },
  "dummy_trs": 1,
  "dvars_nstd": 17.772442364747484,
  "dvars_std": 1.1917972171212126,
  "dvars_vstd": 0.9691834796464648,
  "efc": 0.4807481238835058,
  "fber": 4096.86767578125,
  "fd_mean": 0.19855937447231495,
  "fd_num": 68,
  "fd_perc": 34.17085427135678,
  "fwhm_avg": 2.7284666314789896,
  "fwhm_x": 2.6154152727272724,
  "fwhm_y": 2.5703389090909092,
  "fwhm_z": 2.9996457126187885,
  "gcor": 0.0729844,
  "gsr_x": -0.0004721502773463726,
  "gsr_y": 0.06296652555465698,
  "provenance": {
    "md5sum": "aadf92ae921fdb2442ce2ede33935c3b",
    "settings": {
      "fd_thres": 0.2,
      "testing": false
    },
    "software": "mriqc",
    "version": "22.0.6",
    "webapi_port": null,
    "webapi_url": "https://mriqc.nimh.nih.gov/api/v1"
  },
  "size_t": 199,
  "size_x": 64,
  "size_y": 64,
  "size_z": 48,
  "snr": 4.0104339463575975,
  "spacing_tr": 3.0,
  "spacing_x": 3.4375,
  "spacing_y": 3.4375,
  "spacing_z": 3.4000015258789062,
  "summary_bg_k": 33.125741673012335,
  "summary_bg_mad": 16.994050235799783,
  "summary_bg_mean": 168.55709838867188,
  "summary_bg_median": 39.11055374145508,
  "summary_bg_n": 132517.0,
  "summary_bg_p05": 22.100502014160156,
  "summary_bg_p95": 856.2351562499995,
  "summary_bg_stdv": 343.5450744628906,
  "summary_fg_k": 1.5704525539638459,
  "summary_fg_mad": 537.2570740223869,
  "summary_fg_mean": 2551.9326171875,
  "summary_fg_median": 2478.6533203125,
  "summary_fg_n": 27506.0,
  "summary_fg_p05": 1648.6293334960938,
  "summary_fg_p95": 3647.8353271484375,
  "summary_fg_stdv": 618.0399169921875,
  "tsnr": 81.58473161607981
}