{
  "aor": 0.03263444444444444,
  "aqi": 0.001044288,
  "bids_meta": {
    "AcquisitionMatrixPE": 64,
    "AcquisitionNumber": 1,
    "AcquisitionTime": "15:12:1.000000",
    "BodyPartExamined": "BRAIN",
    "CoilString": "32Ch Head",
    "ConversionSoftware": "dcm2niix",
    "ConversionSoftwareVersion": "v1.0.20211006",
    "Dcm2bidsVersion": "2.1.6",
    "DeviceSerialNumber": "000301496MR3T6MR",
    "EchoTime": 0.0169,
    "EffectiveEchoSpacing": 0.000416,
    "FlipAngle": 90,
    "ImageOrientationPatientDICOM": [
      1,
      0,
      0,
      0,
      1,
      0
    ],
    "ImageType": [
      "ORIGINAL",
      "PRIMARY",
      "OTHER"
    ],
    "ImagingFrequency": 127.697,
    "InPlanePhaseEncodingDirectionDICOM": "COL",
    "InstitutionName": "NIH FMRIF",
    "InternalPulseSequenceName": "EPI",
    "MRAcquisitionType": "2D",
    "MagneticFieldStrength": 3,
    "Manufacturer": "GE",
    "ManufacturersModelName": "DISCOVERY MR750",
    "Modality": "MR",
    "PatientPosition": "HFS",
    "PercentPhaseFOV": 100,
    "PercentSampling": 100,
    "PhaseEncodingDirection": "j-",
    "PhaseEncodingPolarityGE": "Unflipped",
    "PixelBandwidth": 7812.5,
    "ProcedureStepDescription": "MRI Brain",
    "ProtocolName": "ADNI3 FMRIF Enhanced Pro",
    "PulseSequenceName": "epi",
    "ReconMatrixPE": 64,
    "RepetitionTime": 3,
    "SAR": 0.192486,
    "ScanOptions": "MP_GEMS\\EPI_GEMS\\PFF",
    "ScanningSequence": "EP\\GR",
    "SequenceVariant": "SS",
    "SeriesDescription": "Axial rsfMRI reverse blip - RKV",
    "SeriesNumber": 12,
    "SliceThickness": 3.4,
    "SliceTiming": [
      0,
      1.5,
      0.0625,
      1.5625,
      0.125,
      1.625,
      0.1875,
      1.6875,
      0.25,
      1.75,
      0.3125,
      1.8125,
      0.375,
      1.875,
      0.4375,
      1.9375,
      0.5,
      2,
      0.5625,
      2.0625,
      0.625,
      2.125,
      0.6875,
      2.1875,
      0.75,
      2.25,
      0.8125,
      2.3125,
      0.875,
      2.375,
      0.9375,
      2.4375,
      1,
      2.5,
      1.0625,
      2.5625,
      1.125,
      2.625,
      1.1875,
      2.6875,
      1.25,
      2.75,
      1.3125,
      2.8125,
      1.375,
      2.875,
      1.4375,
      2.9375
    ],
    "SoftwareVersions": "27\\LX\\MR Software release:DV26.0_R01_1725.a",
    "SpacingBetweenSlices": 3.4,
    "StationName": "fmrif3tb",
    "TaskName": "Resting state with reverse blip.",
    "TotalReadoutTime": 0.026208,
    "TriggerDelayTime": 29938,
    "dataset": "ds004215",
    "modality": "bold",
    "session_id": "01",
    "subject_id": "ON75450",
    "task_id": "rest"
  },
  "dummy_trs": 1,
  "dvars_nstd": 13.480539442500001,
  "dvars_std": 1.4037767062500002,
  "dvars_vstd": 1.340721845,
  "efc": 0.4878202596668707,
  "fber": 4255.50537109375,
  "fd_mean": 0.1357862672860619,
  "fd_num": 2,
  "fd_perc": 22.22222222222222,
  "fwhm_avg": 2.670285942316499,
  "fwhm_x": 2.5189178181818184,
  "fwhm_y": 2.651723636363636,
  "fwhm_z": 2.8402163724040435,
  "gcor": 0.0498833,
  "gsr_x": -0.0016285601304844022,
  "gsr_y": 0.07449806481599808,
  "provenance": {
    "md5sum": "fb233c7ec52da5c95152afa9f12a5be3",
    "settings": {
      "fd_thres": 0.2,
      "testing": false
    },
    "software": "mriqc",
    "version": "22.0.6",
    "webapi_port": null,
    "webapi_url": "https://mriqc.nimh.nih.gov/api/v1"
  },
  "size_t": 9,
  "size_x": 64,
  "size_y": 64,
  "size_z": 48,
  "snr": 4.542358421158483,
  "spacing_tr": 3.0,
  "spacing_x": 3.4375,
  "spacing_y": 3.4375,
  "spacing_z": 3.4000015258789062,
  "summary_bg_k": 29.90334357081062,
  "summary_bg_mad": 14.167087551515827,
  "summary_bg_mean": 164.27139282226562,
  "summary_bg_median": 38.22222137451172,
  "summary_bg_n": 131316.0,
  "summary_bg_p05": 25.55555534362793,
  "summary_bg_p95": 835.9166870117188,
  "summary_bg_stdv": 326.6006164550781,
  "summary_fg_k": 0.5148329508301237,
  "summary_fg_mad": 518.9107764769607,
  "summary_fg_mean": 2545.31591796875,
  "summary_fg_median": 2488.111083984375,
  "summary_fg_n": 27946.0,
  "summary_fg_p05": 1718.0277709960938,
  "summary_fg_p95": 3514.0833129882812,
  "summary_fg_stdv": 547.7477416992188,
  "tsnr": 180.80930700525641
}