{
  "aor": 0.03500444444444444,
  "aqi": 0.0009663958888888889,
  "bids_meta": {
    "AcquisitionMatrixPE": 64,
    "AcquisitionNumber": 1,
    "AcquisitionTime": "09:58:29.000000",
    "BodyPartExamined": "BRAIN",
    "CoilString": "32Ch Head",
    "ConversionSoftware": "dcm2niix",
    "ConversionSoftwareVersion": "v1.0.20211006",
    "Dcm2bidsVersion": "2.1.6",
    "DeviceSerialNumber": "000301496mr3T5mr",
    "EchoTime": 0.0169,
    "EffectiveEchoSpacing": 0.000416,
    "FlipAngle": 90,
    "ImageOrientationPatientDICOM": [
      1,
      0,
      0,
      0,
      1,
      0
    ],
    "ImageType": [
      "ORIGINAL",
      "PRIMARY",
      "OTHER"
    ],
    "ImagingFrequency": 127.824,
    "InPlanePhaseEncodingDirectionDICOM": "COL",
    "InstitutionName": "NIH FMRIF",
    "InternalPulseSequenceName": "EPI",
    "MRAcquisitionType": "2D",
    "MagneticFieldStrength": 3,
    "Manufacturer": "GE",
    "ManufacturersModelName": "DISCOVERY MR750",
    "Modality": "MR",
    "PatientPosition": "HFS",
    "PercentPhaseFOV": 100,
    "PercentSampling": 100,
    "PhaseEncodingDirection": "j",
    "PhaseEncodingPolarityGE": "Flipped",
    "PixelBandwidth": 7812.5,
    "ProcedureStepDescription": "MR BRAIN",
    "ProtocolName": "ADNI3 FMRIF Enhanced Pro",
    "PulseSequenceName": "epi",
    "ReconMatrixPE": 64,
    "RepetitionTime": 3,
    "SAR": 0.148194,
    "ScanOptions": "MP_GEMS\\EPI_GEMS\\PFF",
    "ScanningSequence": "EP\\GR",
    "SequenceVariant": "SS",
    "SeriesDescription": "Axial rsfMRI reverse blip - RKV",
    "SeriesNumber": 11,
    "SliceThickness": 3.4,
    "SliceTiming": [
      0,
      1.5,
      0.0625,
      1.5625,
      0.125,
      1.625,
      0.1875,
      1.6875,
      0.25,
      1.75,
      0.3125,
      1.8125,
      0.375,
      1.875,
      0.4375,
      1.9375,
      0.5,
      2,
      0.5625,
      2.0625,
      0.625,
      2.125,
      0.6875,
      2.1875,
      0.75,
      2.25,
      0.8125,
      2.3125,
      0.875,
      2.375,
      0.9375,
      2.4375,
      1,
      2.5,
      1.0625,
      2.5625,
      1.125,
      2.625,
      1.1875,
      2.6875,
      1.25,
      2.75,
      1.3125,
      2.8125,
      1.375,
      2.875,
      1.4375,
      2.9375
    ],
    "SoftwareVersions": "27\\LX\\MR Software release:DV26.0_R03_1831.b",
    "SpacingBetweenSlices": 3.4,
    "StationName": "FMRI3ta",
    "TaskName": "Resting state with reverse blip.",
    "TotalReadoutTime": 0.026208,
    "TriggerDelayTime": 29938,
    "dataset": "ds004215",
    "modality": "bold",
    "session_id": "01",
    "subject_id": "ON98098",
    "task_id": "rest"
  },
  "dummy_trs": 1,
  "dvars_nstd": 12.53059887875,
  "dvars_std": 1.4198821199999998,
  "dvars_vstd": 1.40417304625,
  "efc": 0.4531691478070987,
  "fber": 5441.93994140625,
  "fd_mean": 0.12830983449020295,
  "fd_num": 0,
  "fd_perc": 0.0,
  "fwhm_avg": 2.600240579578051,
  "fwhm_x": 2.5828538181818184,
  "fwhm_y": 2.4670632727272728,
  "fwhm_z": 2.750804647825063,
  "gcor": 0.0356767,
  "gsr_x": -0.008360911160707474,
  "gsr_y": 0.04246803745627403,
  "provenance": {
    "md5sum": "a20812e92d24fa37bc14933f96e51479",
    "settings": {
      "fd_thres": 0.2,
      "testing": false
    },
    "software": "mriqc",
    "version": "22.0.6",
    "webapi_port": null,
    "webapi_url": "https://mriqc.nimh.nih.gov/api/v1"
  },
  "size_t": 9,
  "size_x": 64,
  "size_y": 64,
  "size_z": 48,
  "snr": 4.554174410810702,
  "spacing_tr": 3.0,
  "spacing_x": 3.4375,
  "spacing_y": 3.4375,
  "spacing_z": 3.4000015258789062,
  "summary_bg_k": 30.0645519412452,
  "summary_bg_mad": 8.566147408183173,
  "summary_bg_mean": 128.85726928710938,
  "summary_bg_median": 32.0,
  "summary_bg_n": 136484.0,
  "summary_bg_p05": 23.22222328186035,
  "summary_bg_p95": 685.3333129882812,
  "summary_bg_stdv": 266.7032470703125,
  "summary_fg_k": 1.9141320508552973,
  "summary_fg_mad": 462.9012788970974,
  "summary_fg_mean": 2443.77734375,
  "summary_fg_median": 2368.111083984375,
  "summary_fg_n": 24545.0,
  "summary_fg_p05": 1753.2667236328125,
  "summary_fg_p95": 3385.0888671875,
  "summary_fg_stdv": 519.976318359375,
  "tsnr": 207.98107300885022
}