{
  "aor": 0.03514555555555556,
  "aqi": 0.0009755030000000001,
  "bids_meta": {
    "AcquisitionMatrixPE": 64,
    "AcquisitionNumber": 1,
    "AcquisitionTime": "15:07:59.000000",
    "BodyPartExamined": "BRAIN",
    "CoilString": "32Ch Head",
    "ConversionSoftware": "dcm2niix",
    "ConversionSoftwareVersion": "v1.0.20211006",
    "Dcm2bidsVersion": "2.1.6",
    "DeviceSerialNumber": "000301496MR3T6MR",
    "EchoTime": 0.0169,
    "EffectiveEchoSpacing": 0.000416,
    "FlipAngle": 90,
    "ImageOrientationPatientDICOM": [
      1,
      0,
      0,
      0,
      1,
      0
    ],
    "ImageType": [
      "ORIGINAL",
      "PRIMARY",
      "OTHER"
    ],
    "ImagingFrequency": 127.697,
    "InPlanePhaseEncodingDirectionDICOM": "COL",
    "InstitutionName": "NIH FMRIF",
    "InternalPulseSequenceName": "EPI",
    "MRAcquisitionType": "2D",
    "MagneticFieldStrength": 3,
    "Manufacturer": "GE",
    "ManufacturersModelName": "DISCOVERY MR750",
    "Modality": "MR",
    "PatientPosition": "HFS",
    "PercentPhaseFOV": 100,
    "PercentSampling": 100,
    "PhaseEncodingDirection": "j-",
    "PhaseEncodingPolarityGE": "Unflipped",
    "PixelBandwidth": 7812.5,
    "ProcedureStepDescription": "MRI Brain",
    "ProtocolName": "ADNI3 FMRIF Enhanced Pro",
    "PulseSequenceName": "epi",
    "ReconMatrixPE": 64,
    "RepetitionTime": 3,
    "SAR": 0.163375,
    "ScanOptions": "MP_GEMS\\EPI_GEMS\\PFF",
    "ScanningSequence": "EP\\GR",
    "SequenceVariant": "SS",
    "SeriesDescription": "Axial rsfMRI reverse blip - RKV",
    "SeriesNumber": 12,
    "SliceThickness": 3.4,
    "SliceTiming": [
      0,
      1.5,
      0.0625,
      1.5625,
      0.125,
      1.625,
      0.1875,
      1.6875,
      0.25,
      1.75,
      0.3125,
      1.8125,
      0.375,
      1.875,
      0.4375,
      1.9375,
      0.5,
      2,
      0.5625,
      2.0625,
      0.625,
      2.125,
      0.6875,
      2.1875,
      0.75,
      2.25,
      0.8125,
      2.3125,
      0.875,
      2.375,
      0.9375,
      2.4375,
      1,
      2.5,
      1.0625,
      2.5625,
      1.125,
      2.625,
      1.1875,
      2.6875,
      1.25,
      2.75,
      1.3125,
      2.8125,
      1.375,
      2.875,
      1.4375,
      2.9375
    ],
    "SoftwareVersions": "27\\LX\\MR Software release:DV26.0_R01_1725.a",
    "SpacingBetweenSlices": 3.4,
    "StationName": "fmrif3tb",
    "TaskName": "Resting state with reverse blip.",
    "TotalReadoutTime": 0.026208,
    "TriggerDelayTime": 29938,
    "dataset": "ds004215",
    "modality": "bold",
    "session_id": "01",
    "subject_id": "ON40397",
    "task_id": "rest"
  },
  "dummy_trs": 1,
  "dvars_nstd": 10.66840791625,
  "dvars_std": 1.33630064125,
  "dvars_vstd": 1.37418124125,
  "efc": 0.4535200916870479,
  "fber": 5129.376953125,
  "fd_mean": 0.08380427454624517,
  "fd_num": 0,
  "fd_perc": 0.0,
  "fwhm_avg": 2.6851437261676545,
  "fwhm_x": 2.6970589090909094,
  "fwhm_y": 2.5114880000000004,
  "fwhm_z": 2.8468842694120537,
  "gcor": 0.0407993,
  "gsr_x": -0.014818783849477768,
  "gsr_y": 0.04815364256501198,
  "provenance": {
    "md5sum": "120ceb5861cb02df24bba2e9fa9f60cc",
    "settings": {
      "fd_thres": 0.2,
      "testing": false
    },
    "software": "mriqc",
    "version": "22.0.6",
    "webapi_port": null,
    "webapi_url": "https://mriqc.nimh.nih.gov/api/v1"
  },
  "size_t": 9,
  "size_x": 64,
  "size_y": 64,
  "size_z": 48,
  "snr": 4.199638928107884,
  "spacing_tr": 3.0,
  "spacing_x": 3.4375,
  "spacing_y": 3.4375,
  "spacing_z": 3.3999977111816406,
  "summary_bg_k": 35.32798337676724,
  "summary_bg_mad": 11.201883114504625,
  "summary_bg_mean": 128.87242126464844,
  "summary_bg_median": 35.0,
  "summary_bg_n": 135173.0,
  "summary_bg_p05": 25.11111068725586,
  "summary_bg_p95": 610.1555786132806,
  "summary_bg_stdv": 258.7593994140625,
  "summary_fg_k": 4.393836245013742,
  "summary_fg_mad": 501.1195498548935,
  "summary_fg_mean": 2561.154052734375,
  "summary_fg_median": 2469.888916015625,
  "summary_fg_n": 26266.0,
  "summary_fg_p05": 1786.888916015625,
  "summary_fg_p95": 3550.2777099609375,
  "summary_fg_stdv": 588.108154296875,
  "tsnr": 202.41260340437293
}