{
  "aor": 0.00538105527638191,
  "aqi": 0.0030646530150753772,
  "bids_meta": {
    "AcquisitionMatrixPE": 64,
    "AcquisitionNumber": 1,
    "AcquisitionTime": "14:47:1.000000",
    "BodyPartExamined": "BRAIN",
    "CoilString": "32Ch Head",
    "ConversionSoftware": "dcm2niix",
    "ConversionSoftwareVersion": "v1.0.20211006",
    "Dcm2bidsVersion": "2.1.6",
    "DeviceSerialNumber": "000301496MR3T6MR",
    "EchoTime": 0.0169,
    "EffectiveEchoSpacing": 0.000416,
    "FlipAngle": 90,
    "ImageOrientationPatientDICOM": [
      1,
      0,
      0,
      0,
      1,
      0
    ],
    "ImageType": [
      "ORIGINAL",
      "PRIMARY",
      "OTHER"
    ],
    "ImagingFrequency": 127.697,
    "InPlanePhaseEncodingDirectionDICOM": "COL",
    "InstitutionName": "NIH FMRIF",
    "InternalPulseSequenceName": "EPI",
    "MRAcquisitionType": "2D",
    "MagneticFieldStrength": 3,
    "Manufacturer": "GE",
    "ManufacturersModelName": "DISCOVERY MR750",
    "Modality": "MR",
    "PatientPosition": "HFS",
    "PercentPhaseFOV": 100,
    "PercentSampling": 100,
    "PhaseEncodingDirection": "j",
    "PhaseEncodingPolarityGE": "Flipped",
    "PixelBandwidth": 7812.5,
    "ProcedureStepDescription": "MRI Brain",
    "ProtocolName": "ADNI3 FMRIF Enhanced Pro",
    "PulseSequenceName": "epi",
    "ReconMatrixPE": 64,
    "RepetitionTime": 3,
    "SAR": 0.185308,
    "ScanOptions": "MP_GEMS\\EPI_GEMS\\PFF",
    "ScanningSequence": "EP\\GR",
    "SequenceVariant": "SS",
    "SeriesDescription": "Axial rsfMRI with Eyes Open - RKV",
    "SeriesNumber": 10,
    "SliceThickness": 3.4,
    "SliceTiming": [
      0,
      1.5,
      0.0625,
      1.5625,
      0.125,
      1.625,
      0.1875,
      1.6875,
      0.25,
      1.75,
      0.3125,
      1.8125,
      0.375,
      1.875,
      0.4375,
      1.9375,
      0.5,
      2,
      0.5625,
      2.0625,
      0.625,
      2.125,
      0.6875,
      2.1875,
      0.75,
      2.25,
      0.8125,
      2.3125,
      0.875,
      2.375,
      0.9375,
      2.4375,
      1,
      2.5,
      1.0625,
      2.5625,
      1.125,
      2.625,
      1.1875,
      2.6875,
      1.25,
      2.75,
      1.3125,
      2.8125,
      1.375,
      2.875,
      1.4375,
      2.9375
    ],
    "SoftwareVersions": "27\\LX\\MR Software release:DV26.0_R01_1725.a",
    "SpacingBetweenSlices": 3.4,
    "StationName": "fmrif3tb",
    "TaskName": "Resting state with eyes open.",
    "TotalReadoutTime": 0.026208,
    "TriggerDelayTime": 599938,
    "dataset": "ds004215",
    "modality": "bold",
    "session_id": "01",
    "subject_id": "ON52992",
    "task_id": "rest"
  },
  "dummy_trs": 1,
  "dvars_nstd": 23.458952884040404,
  "dvars_std": 1.229394016565657,
  "dvars_vstd": 0.9996626389898985,
  "efc": 0.4998006859848781,
  "fber": 4740.98583984375,
  "fd_mean": 0.1775207067265144,
  "fd_num": 65,
  "fd_perc": 32.663316582914575,
  "fwhm_avg": 2.796631706968823,
  "fwhm_x": 2.6560610909090907,
  "fwhm_y": 2.583453090909091,
  "fwhm_z": 3.1503809390882878,
  "gcor": 0.0789559,
  "gsr_x": 0.014390946365892887,
  "gsr_y": 0.04504706710577011,
  "provenance": {
    "md5sum": "9cdc6a114206f84f426cd77ffb636eac",
    "settings": {
      "fd_thres": 0.2,
      "testing": false
    },
    "software": "mriqc",
    "version": "22.0.6",
    "webapi_port": null,
    "webapi_url": "https://mriqc.nimh.nih.gov/api/v1"
  },
  "size_t": 199,
  "size_x": 64,
  "size_y": 64,
  "size_z": 48,
  "snr": 3.678569789189202,
  "spacing_tr": 3.0,
  "spacing_x": 3.4375,
  "spacing_y": 3.4375,
  "spacing_z": 3.4000015258789062,
  "summary_bg_k": 15.808496154380645,
  "summary_bg_mad": 11.540451832108346,
  "summary_bg_mean": 133.1306610107422,
  "summary_bg_median": 35.38693618774414,
  "summary_bg_n": 122634.0,
  "summary_bg_p05": 21.552762985229492,
  "summary_bg_p95": 746.8565429687496,
  "summary_bg_stdv": 272.52777099609375,
  "summary_fg_k": 2.0106525752213598,
  "summary_fg_mad": 573.0145365860153,
  "summary_fg_mean": 2520.841064453125,
  "summary_fg_median": 2430.628173828125,
  "summary_fg_n": 34759.0,
  "summary_fg_p05": 1592.5311767578125,
  "summary_fg_p95": 3707.0874999999996,
  "summary_fg_stdv": 660.7440795898438,
  "tsnr": 71.77554625226185
}