{
  "bids_meta": {
    "AcquisitionMatrixPE": 256,
    "AcquisitionNumber": 1,
    "AcquisitionTime": "14:20:11.000000",
    "BodyPartExamined": "BRAIN",
    "CoilString": "32Ch Head",
    "ConversionSoftware": "dcm2niix",
    "ConversionSoftwareVersion": "v1.0.20211006",
    "Dcm2bidsVersion": "2.1.6",
    "DeviceSerialNumber": "000301496MR3T6MR",
    "EchoTime": 0.00292,
    "FlipAngle": 8,
    "ImageOrientationPatientDICOM": [
      0,
      1,
      0,
      0,
      0,
      -1
    ],
    "ImageType": [
      "ORIGINAL",
      "PRIMARY",
      "OTHER"
    ],
    "ImagingFrequency": 127.696,
    "InPlanePhaseEncodingDirectionDICOM": "ROW",
    "InstitutionName": "NIH FMRIF",
    "InversionTime": 1.06,
    "MRAcquisitionType": "3D",
    "MagneticFieldStrength": 3,
    "Manufacturer": "GE",
    "ManufacturersModelName": "DISCOVERY MR750",
    "Modality": "MR",
    "ParallelReductionFactorInPlane": 2,
    "ParallelReductionOutOfPlane": 2,
    "PatientPosition": "HFS",
    "PercentPhaseFOV": 100,
    "PercentSampling": 100,
    "PixelBandwidth": 244.141,
    "ProcedureStepDescription": "MRI Brain",
    "ProtocolName": "ADNI3 FMRIF Enhanced Pro",
    "ReconMatrixPE": 256,
    "RepetitionTime": 0.006952,
    "SAR": 0.170349,
    "ScanOptions": "EDR_GEMS\\PROMO_GEMS\\FILTERED_GEMS\\ACC_GEMS\\IR_GEMS",
    "ScanningSequence": "RM",
    "SequenceVariant": "NONE",
    "SeriesDescription": "Anat T1w MP-RAGE 1mm (ABCD)",
    "SeriesNumber": 3,
    "SliceThickness": 1,
    "SoftwareVersions": "27\\LX\\MR Software release:DV26.0_R03_1831.b",
    "SpacingBetweenSlices": 1,
    "StationName": "FMRI3tb",
    "acq_id": "MPRAGE",
    "dataset": "ds004215",
    "modality": "T1w",
    "rec_id": "SCIC",
    "session_id": "01",
    "subject_id": "ON12688"
  },
  "cjv": 0.39807804521443185,
  "cnr": 3.4171948886288397,
  "efc": 0.6699597880802186,
  "fber": 10012.153222988907,
  "fwhm_avg": 3.1265300000000003,
  "fwhm_x": 2.99398,
  "fwhm_y": 3.33805,
  "fwhm_z": 3.04756,
  "icvs_csf": 0.22515280998001175,
  "icvs_gm": 0.4257323480965552,
  "icvs_wm": 0.34911484192343306,
  "inu_med": 0.5623951852321625,
  "inu_range": 0.09562193751335146,
  "provenance": {
    "md5sum": "7bcf90a9e8d9a5bb586d2dbf8d20c6cb",
    "settings": {
      "testing": false
    },
    "software": "mriqc",
    "version": "22.0.6",
    "warnings": {
      "large_rot_frame": true,
      "small_air_mask": false
    },
    "webapi_port": null,
    "webapi_url": "https://mriqc.nimh.nih.gov/api/v1"
  },
  "qi_1": 0.0,
  "qi_2": 0.0027780528610585197,
  "rpve_csf": 24.958368975281694,
  "rpve_gm": 13.614830805523718,
  "rpve_wm": 19.400482496957547,
  "size_x": 208,
  "size_y": 256,
  "size_z": 256,
  "snr_csf": 1.5252497682345225,
  "snr_gm": 8.159684099924759,
  "snr_total": 9.524672225923053,
  "snr_wm": 18.889082809609878,
  "snrd_csf": 10.157658160564662,
  "snrd_gm": 38.65137611087881,
  "snrd_total": 35.629142932022255,
  "snrd_wm": 58.07839452462329,
  "spacing_x": 1.0,
  "spacing_y": 1.0,
  "spacing_z": 1.0,
  "summary_bg_k": 4.858630278981054,
  "summary_bg_mad": 0.0,
  "summary_bg_mean": 6.80896286461117,
  "summary_bg_median": 0.0,
  "summary_bg_n": 923792.0,
  "summary_bg_p05": 0.0,
  "summary_bg_p95": 33.10070322826505,
  "summary_bg_stdv": 11.280208104776628,
  "summary_csf_k": 18.095252323743875,
  "summary_csf_mad": 83.16187466931294,
  "summary_csf_mean": 204.34254915113428,
  "summary_csf_median": 174.89563686028123,
  "summary_csf_n": 32648.0,
  "summary_csf_p05": 78.96392882931978,
  "summary_csf_p95": 426.752854591049,
  "summary_csf_stdv": 114.66512696973001,
  "summary_gm_k": -0.06536855813923603,
  "summary_gm_mad": 82.24322605377984,
  "summary_gm_mean": 664.0153022883432,
  "summary_gm_median": 665.5034983046353,
  "summary_gm_n": 27241.0,
  "summary_gm_p05": 528.4372365623713,
  "summary_gm_p95": 796.2105116434395,
  "summary_gm_stdv": 81.55846169228006,
  "summary_wm_k": 0.3765670726680974,
  "summary_wm_mad": 50.91247327138751,
  "summary_wm_mean": 999.357059536013,
  "summary_wm_median": 999.9999643266201,
  "summary_wm_n": 199142.0,
  "summary_wm_p05": 911.818386465311,
  "summary_wm_p95": 1084.9203891605139,
  "summary_wm_stdv": 52.94049815079414,
  "tpm_overlap_csf": 0.14353368288960994,
  "tpm_overlap_gm": 0.4526439672333275,
  "tpm_overlap_wm": 0.4852815883459079,
  "wm2max": 0.545914189068898
}