{
  "bids_meta": {
    "AcquisitionMatrixPE": 256,
    "AcquisitionNumber": 1,
    "AcquisitionTime": "14:20:11.000000",
    "BodyPartExamined": "BRAIN",
    "CoilString": "32Ch Head",
    "ConversionSoftware": "dcm2niix",
    "ConversionSoftwareVersion": "v1.0.20211006",
    "Dcm2bidsVersion": "2.1.6",
    "DeviceSerialNumber": "000301496MR3T6MR",
    "EchoTime": 0.00292,
    "FlipAngle": 8,
    "ImageOrientationPatientDICOM": [
      0,
      1,
      0,
      0,
      0,
      -1
    ],
    "ImageType": [
      "ORIGINAL",
      "PRIMARY",
      "OTHER"
    ],
    "ImagingFrequency": 127.696,
    "InPlanePhaseEncodingDirectionDICOM": "ROW",
    "InstitutionName": "NIH FMRIF",
    "InversionTime": 1.06,
    "MRAcquisitionType": "3D",
    "MagneticFieldStrength": 3,
    "Manufacturer": "GE",
    "ManufacturersModelName": "DISCOVERY MR750",
    "Modality": "MR",
    "ParallelReductionFactorInPlane": 2,
    "ParallelReductionOutOfPlane": 2,
    "PatientPosition": "HFS",
    "PercentPhaseFOV": 100,
    "PercentSampling": 100,
    "PixelBandwidth": 244.141,
    "ProcedureStepDescription": "MRI Brain",
    "ProtocolName": "ADNI3 FMRIF Enhanced Pro",
    "ReconMatrixPE": 256,
    "RepetitionTime": 0.006952,
    "SAR": 0.170349,
    "ScanOptions": "EDR_GEMS\\PROMO_GEMS\\ACC_GEMS\\IR_GEMS",
    "ScanningSequence": "RM",
    "SequenceVariant": "NONE",
    "SeriesDescription": "ORIG Anat T1w MP-RAGE 1mm (ABCD)",
    "SeriesNumber": 40003,
    "SliceThickness": 1,
    "SoftwareVersions": "27\\LX\\MR Software release:DV26.0_R03_1831.b",
    "SpacingBetweenSlices": 1,
    "StationName": "FMRI3tb",
    "acq_id": "MPRAGE",
    "dataset": "ds004215",
    "modality": "T1w",
    "session_id": "01",
    "subject_id": "ON12688"
  },
  "cjv": 0.44162619274634946,
  "cnr": 3.0550421691062857,
  "efc": 0.4597892519054355,
  "fber": 2662.972816,
  "fwhm_avg": 3.512396666666666,
  "fwhm_x": 3.38963,
  "fwhm_y": 3.66295,
  "fwhm_z": 3.48461,
  "icvs_csf": 0.21524019544159803,
  "icvs_gm": 0.42118356672182833,
  "icvs_wm": 0.36357623783657367,
  "inu_med": 0.9460471272468567,
  "inu_range": 0.6728672981262207,
  "provenance": {
    "md5sum": "a2808c8e6b0b2ce4562ac12d6e95d92e",
    "settings": {
      "testing": false
    },
    "software": "mriqc",
    "version": "22.0.6",
    "warnings": {
      "large_rot_frame": true,
      "small_air_mask": false
    },
    "webapi_port": null,
    "webapi_url": "https://mriqc.nimh.nih.gov/api/v1"
  },
  "qi_1": 0.0,
  "qi_2": 0.0010372643347956855,
  "rpve_csf": 26.139869669618662,
  "rpve_gm": 13.702326850681784,
  "rpve_wm": 18.46355398568852,
  "size_x": 208,
  "size_y": 256,
  "size_z": 256,
  "snr_csf": 1.0497382138515956,
  "snr_gm": 7.417634825734503,
  "snr_total": 8.069185188275833,
  "snr_wm": 15.740182525241405,
  "snrd_csf": 4.385588897116584,
  "snrd_gm": 22.154751579682575,
  "snrd_total": 19.999432441212587,
  "snrd_wm": 33.457956846838606,
  "spacing_x": 1.0,
  "spacing_y": 1.0,
  "spacing_z": 1.0,
  "summary_bg_k": 1315.8506608341688,
  "summary_bg_mad": 19.582028861558566,
  "summary_bg_mean": 13.838955024327138,
  "summary_bg_median": 13.2078777551651,
  "summary_bg_n": 3368549.0,
  "summary_bg_p05": 0.0,
  "summary_bg_p95": 39.03921389579773,
  "summary_bg_stdv": 14.950862490250103,
  "summary_csf_k": 24.836595944557043,
  "summary_csf_mad": 83.87346875216235,
  "summary_csf_mean": 165.92397758102715,
  "summary_csf_median": 131.08526462316513,
  "summary_csf_n": 26951.0,
  "summary_csf_p05": 39.85740101337433,
  "summary_csf_p95": 405.7623683810234,
  "summary_csf_stdv": 124.87192611695818,
  "summary_gm_k": -0.04283267747222652,
  "summary_gm_mad": 89.15888362187506,
  "summary_gm_mean": 660.70201336001,
  "summary_gm_median": 662.2055878043175,
  "summary_gm_n": 22843.0,
  "summary_gm_p05": 511.72344430089,
  "summary_gm_p95": 807.4922431111336,
  "summary_gm_stdv": 89.27253881957857,
  "summary_wm_k": 0.7333048173368697,
  "summary_wm_mad": 60.045778765752594,
  "summary_wm_mean": 1002.3877555482521,
  "summary_wm_median": 1000.0584254264832,
  "summary_wm_n": 201566.0,
  "summary_wm_p05": 903.395461678505,
  "summary_wm_p95": 1109.1549112647772,
  "summary_wm_stdv": 63.53521905465061,
  "tpm_overlap_csf": 0.14525102447358396,
  "tpm_overlap_gm": 0.448115670411252,
  "tpm_overlap_wm": 0.4795063196519823,
  "wm2max": 0.3068811534943778
}