{
  "bids_meta": {
    "AcquisitionMatrixPE": 256,
    "AcquisitionNumber": 1,
    "AcquisitionTime": "14:27:12.000000",
    "BodyPartExamined": "BRAIN",
    "CoilString": "32Ch Head",
    "ConversionSoftware": "dcm2niix",
    "ConversionSoftwareVersion": "v1.0.20211006",
    "Dcm2bidsVersion": "2.1.6",
    "DeviceSerialNumber": "000301496MR3T6MR",
    "EchoTime": 0.060243,
    "EchoTrainLength": 140,
    "FlipAngle": 90,
    "ImageOrientationPatientDICOM": [
      0,
      1,
      0,
      0,
      0,
      -1
    ],
    "ImageType": [
      "ORIGINAL",
      "PRIMARY",
      "OTHER"
    ],
    "ImagingFrequency": 127.696,
    "InPlanePhaseEncodingDirectionDICOM": "ROW",
    "InstitutionName": "NIH FMRIF",
    "MRAcquisitionType": "3D",
    "MagneticFieldStrength": 3,
    "Manufacturer": "GE",
    "ManufacturersModelName": "DISCOVERY MR750",
    "Modality": "MR",
    "ParallelReductionFactorInPlane": 2,
    "ParallelReductionOutOfPlane": 1.5,
    "PatientPosition": "HFS",
    "PercentPhaseFOV": 100,
    "PercentSampling": 100,
    "PhaseEncodingAxis": "i",
    "PixelBandwidth": 244.141,
    "ProcedureStepDescription": "MRI Brain",
    "ProtocolName": "ADNI3 FMRIF Enhanced Pro",
    "ReconMatrixPE": 256,
    "RepetitionTime": 3.202,
    "SAR": 0.3873,
    "ScanOptions": "SAT_GEMS\\EDR_GEMS\\PROMO_GEMS\\FILTERED_GEMS\\ACC_GEMS\\FS\\FR_GEMS",
    "ScanningSequence": "RM",
    "SequenceVariant": "NONE",
    "SeriesDescription": "Anat T2w CUBE (ABCD)",
    "SeriesNumber": 4,
    "SliceThickness": 1,
    "SoftwareVersions": "27\\LX\\MR Software release:DV26.0_R03_1831.b",
    "SpacingBetweenSlices": 1,
    "StationName": "FMRI3tb",
    "acq_id": "CUBE",
    "dataset": "ds004215",
    "modality": "T2w",
    "rec_id": "SCIC",
    "session_id": "01",
    "subject_id": "ON12688"
  },
  "cjv": 2.6997299372018677,
  "cnr": 0.553174150674341,
  "efc": 0.47887271047873403,
  "fber": 7371.448979591837,
  "fwhm_avg": 2.1750433333333334,
  "fwhm_x": 1.7338,
  "fwhm_y": 2.50394,
  "fwhm_z": 2.28739,
  "icvs_csf": 0.24433104452390225,
  "icvs_gm": 0.5323318571702663,
  "icvs_wm": 0.22333709830583143,
  "inu_med": 0.7947794198989868,
  "inu_range": 0.14779324531555138,
  "provenance": {
    "md5sum": "895f0853e8c996bd241b850282c61338",
    "settings": {
      "testing": false
    },
    "software": "mriqc",
    "version": "22.0.6",
    "warnings": {
      "large_rot_frame": true,
      "small_air_mask": false
    },
    "webapi_port": null,
    "webapi_url": "https://mriqc.nimh.nih.gov/api/v1"
  },
  "qi_1": 0.0,
  "qi_2": 0.003311956775967032,
  "rpve_csf": 20.520463174351086,
  "rpve_gm": 12.0602772738177,
  "rpve_wm": 29.45467339481161,
  "size_x": 204,
  "size_y": 256,
  "size_z": 256,
  "snr_csf": 11.889250275469774,
  "snr_gm": 12.926500026644813,
  "snr_total": 8.757806486022153,
  "snr_wm": 1.4576691559518669,
  "snrd_csf": 71.6549010828581,
  "snrd_gm": 51.54697978033753,
  "snrd_total": 68.80069900089924,
  "snrd_wm": 83.2002161395021,
  "spacing_x": 1.0,
  "spacing_y": 1.0,
  "spacing_z": 1.0,
  "summary_bg_k": 295.73259372223595,
  "summary_bg_mad": 7.894537382580768,
  "summary_bg_mean": 4.738562119655153,
  "summary_bg_median": 5.32478454709053,
  "summary_bg_n": 2925138.0,
  "summary_bg_p05": 0.0,
  "summary_bg_p95": 12.524110592901707,
  "summary_bg_stdv": 8.960228333700156,
  "summary_csf_k": 0.5000812143379161,
  "summary_csf_mad": 68.81539345989408,
  "summary_csf_mean": 866.2834504565973,
  "summary_csf_median": 863.4572819396853,
  "summary_csf_n": 12166.0,
  "summary_csf_p05": 753.9460242390633,
  "summary_csf_p95": 991.3268210571259,
  "summary_csf_stdv": 72.62205561452247,
  "summary_gm_k": 0.10658942406698602,
  "summary_gm_mad": 47.77000681500403,
  "summary_gm_mean": 621.6816106096733,
  "summary_gm_median": 621.1524177789688,
  "summary_gm_n": 209880.0,
  "summary_gm_p05": 543.4268637523055,
  "summary_gm_p95": 701.1328550577164,
  "summary_gm_stdv": 48.052522857458634,
  "summary_wm_k": -1.8124401704249256,
  "summary_wm_mad": 981.9837825883628,
  "summary_wm_mean": 892.3631202639568,
  "summary_wm_median": 1002.5808618664742,
  "summary_wm_n": 66644.0,
  "summary_wm_p05": 43.25029081106186,
  "summary_wm_p95": 1689.1792284920812,
  "summary_wm_stdv": 687.792106892497,
  "tpm_overlap_csf": 0.09338536448625342,
  "tpm_overlap_gm": 0.3378003640023209,
  "tpm_overlap_wm": 0.04940500252443229,
  "wm2max": 0.5936268438238937
}