{
  "bids_meta": {
    "AcquisitionMatrixPE": 256,
    "AcquisitionNumber": 1,
    "AcquisitionTime": "14:10:28.000000",
    "BodyPartExamined": "BRAIN",
    "CoilString": "32Ch Head",
    "ConversionSoftware": "dcm2niix",
    "ConversionSoftwareVersion": "v1.0.20211006",
    "Dcm2bidsVersion": "2.1.6",
    "DeviceSerialNumber": "000301496MR3T6MR",
    "EchoTime": 0.00292,
    "FlipAngle": 8,
    "ImageOrientationPatientDICOM": [
      0,
      1,
      0,
      0,
      0,
      -1
    ],
    "ImageType": [
      "ORIGINAL",
      "PRIMARY",
      "OTHER"
    ],
    "ImagingFrequency": 127.697,
    "InPlanePhaseEncodingDirectionDICOM": "ROW",
    "InstitutionName": "NIH FMRIF",
    "InversionTime": 1.06,
    "MRAcquisitionType": "3D",
    "MagneticFieldStrength": 3,
    "Manufacturer": "GE",
    "ManufacturersModelName": "DISCOVERY MR750",
    "Modality": "MR",
    "ParallelReductionFactorInPlane": 2,
    "ParallelReductionOutOfPlane": 2,
    "PatientPosition": "HFS",
    "PercentPhaseFOV": 100,
    "PercentSampling": 100,
    "PixelBandwidth": 244.141,
    "ProcedureStepDescription": "MRI Brain",
    "ProtocolName": "ADNI3 FMRIF Enhanced Pro",
    "ReconMatrixPE": 256,
    "RepetitionTime": 0.006952,
    "SAR": 0.133961,
    "ScanOptions": "EDR_GEMS\\PROMO_GEMS\\ACC_GEMS\\IR_GEMS",
    "ScanningSequence": "RM",
    "SequenceVariant": "NONE",
    "SeriesDescription": "ORIG Anat T1w MP-RAGE 1mm (ABCD)",
    "SeriesNumber": 40003,
    "SliceThickness": 1,
    "SoftwareVersions": "27\\LX\\MR Software release:DV26.0_R03_1831.b",
    "SpacingBetweenSlices": 1,
    "StationName": "FMRI3tb",
    "acq_id": "MPRAGE",
    "dataset": "ds004215",
    "modality": "T1w",
    "session_id": "01",
    "subject_id": "ON21976"
  },
  "cjv": 0.37837244118111724,
  "cnr": 3.57579302528319,
  "efc": 0.401222167721977,
  "fber": 3161.1456414317936,
  "fwhm_avg": 3.8617900000000005,
  "fwhm_x": 3.77401,
  "fwhm_y": 3.98339,
  "fwhm_z": 3.82797,
  "icvs_csf": 0.21598590209124996,
  "icvs_gm": 0.4135091953403681,
  "icvs_wm": 0.3705049025683819,
  "inu_med": 0.8403344750404358,
  "inu_range": 0.5169919133186337,
  "provenance": {
    "md5sum": "69a88302c9377afe1c58fbd901067db5",
    "settings": {
      "testing": false
    },
    "software": "mriqc",
    "version": "22.0.6",
    "warnings": {
      "large_rot_frame": true,
      "small_air_mask": false
    },
    "webapi_port": null,
    "webapi_url": "https://mriqc.nimh.nih.gov/api/v1"
  },
  "qi_1": 6.516099822155413e-06,
  "qi_2": 0.001610333748106718,
  "rpve_csf": 31.036848949985803,
  "rpve_gm": 16.3141816509765,
  "rpve_wm": 21.603706931854216,
  "size_x": 208,
  "size_y": 256,
  "size_z": 256,
  "snr_csf": 1.2000950028738115,
  "snr_gm": 7.686102408064446,
  "snr_total": 8.722015928027611,
  "snr_wm": 17.279850373144576,
  "snrd_csf": 5.1882465798729145,
  "snrd_gm": 24.72605523571858,
  "snrd_total": 22.926868742760533,
  "snrd_wm": 38.866304412690106,
  "spacing_x": 1.0,
  "spacing_y": 1.0,
  "spacing_z": 1.0,
  "summary_bg_k": 5.641579076803948,
  "summary_bg_mad": 16.856994120982606,
  "summary_bg_mean": 11.911781784667378,
  "summary_bg_median": 11.369869753718376,
  "summary_bg_n": 4202763.0,
  "summary_bg_p05": 0.0,
  "summary_bg_p95": 35.70538045465946,
  "summary_bg_stdv": 12.343255469495098,
  "summary_csf_k": 0.9303476225257117,
  "summary_csf_mad": 97.81492641254381,
  "summary_csf_mean": 162.60965609798367,
  "summary_csf_median": 133.4962339065969,
  "summary_csf_n": 24817.0,
  "summary_csf_p05": 33.26185581460595,
  "summary_csf_p95": 385.0396418526767,
  "summary_csf_stdv": 111.23581378739887,
  "summary_gm_k": -0.028862782344861948,
  "summary_gm_mad": 84.35890478965419,
  "summary_gm_mean": 635.7257174775641,
  "summary_gm_median": 636.214027710259,
  "summary_gm_n": 19912.0,
  "summary_gm_p05": 498.7557931372896,
  "summary_gm_p95": 769.0121117196977,
  "summary_gm_stdv": 82.77251825302731,
  "summary_wm_k": 0.8359252307817626,
  "summary_wm_mad": 53.30654719837044,
  "summary_wm_mean": 998.7167825434649,
  "summary_wm_median": 1000.049859829247,
  "summary_wm_n": 185664.0,
  "summary_wm_p05": 901.4611207805574,
  "summary_wm_p95": 1090.0114608630538,
  "summary_wm_stdv": 57.87360104741894,
  "tpm_overlap_csf": 0.153950273731362,
  "tpm_overlap_gm": 0.46729797296114456,
  "tpm_overlap_wm": 0.5288525716466113,
  "wm2max": 0.38806239646255114
}