{
  "bids_meta": {
    "AcquisitionMatrixPE": 256,
    "AcquisitionNumber": 1,
    "AcquisitionTime": "14:16:59.000000",
    "BodyPartExamined": "BRAIN",
    "CoilString": "32Ch Head",
    "ConversionSoftware": "dcm2niix",
    "ConversionSoftwareVersion": "v1.0.20211006",
    "Dcm2bidsVersion": "2.1.6",
    "DeviceSerialNumber": "000301496MR3T6MR",
    "EchoTime": 0.058984,
    "EchoTrainLength": 140,
    "FlipAngle": 90,
    "ImageOrientationPatientDICOM": [
      0,
      1,
      0,
      0,
      0,
      -1
    ],
    "ImageType": [
      "ORIGINAL",
      "PRIMARY",
      "OTHER"
    ],
    "ImagingFrequency": 127.697,
    "InPlanePhaseEncodingDirectionDICOM": "ROW",
    "InstitutionName": "NIH FMRIF",
    "MRAcquisitionType": "3D",
    "MagneticFieldStrength": 3,
    "Manufacturer": "GE",
    "ManufacturersModelName": "DISCOVERY MR750",
    "Modality": "MR",
    "ParallelReductionFactorInPlane": 2,
    "ParallelReductionOutOfPlane": 1.5,
    "PatientPosition": "HFS",
    "PercentPhaseFOV": 100,
    "PercentSampling": 100,
    "PhaseEncodingAxis": "i",
    "PixelBandwidth": 244.141,
    "ProcedureStepDescription": "MRI Brain",
    "ProtocolName": "ADNI3 FMRIF Enhanced Pro",
    "ReconMatrixPE": 256,
    "RepetitionTime": 3.202,
    "SAR": 0.3879,
    "ScanOptions": "SAT_GEMS\\EDR_GEMS\\PROMO_GEMS\\ACC_GEMS\\FS\\FR_GEMS",
    "ScanningSequence": "RM",
    "SequenceVariant": "NONE",
    "SeriesDescription": "ORIG Anat T2w CUBE (ABCD)",
    "SeriesNumber": 40004,
    "SliceThickness": 1,
    "SoftwareVersions": "27\\LX\\MR Software release:DV26.0_R03_1831.b",
    "SpacingBetweenSlices": 1,
    "StationName": "FMRI3tb",
    "acq_id": "CUBE",
    "dataset": "ds004215",
    "modality": "T2w",
    "session_id": "01",
    "subject_id": "ON21976"
  },
  "cjv": 1.2248028584873185,
  "cnr": 0.5712734256238153,
  "efc": 0.3845786342876338,
  "fber": 10648.652379089443,
  "fwhm_avg": 2.3003033333333334,
  "fwhm_x": 1.9072,
  "fwhm_y": 2.55203,
  "fwhm_z": 2.44168,
  "icvs_csf": 0.15943603374055929,
  "icvs_gm": 0.633773580562567,
  "icvs_wm": 0.20679038569687364,
  "inu_med": 0.815654844045639,
  "inu_range": 0.5734702348709106,
  "provenance": {
    "md5sum": "e632759092112c9dc390089ff0880ef7",
    "settings": {
      "testing": false
    },
    "software": "mriqc",
    "version": "22.0.6",
    "warnings": {
      "large_rot_frame": true,
      "small_air_mask": false
    },
    "webapi_port": null,
    "webapi_url": "https://mriqc.nimh.nih.gov/api/v1"
  },
  "qi_1": 0.0,
  "qi_2": 0.014260867567603345,
  "rpve_csf": 35.2321830119434,
  "rpve_gm": 12.51106210140291,
  "rpve_wm": 35.986336188055496,
  "size_x": 204,
  "size_y": 256,
  "size_z": 256,
  "snr_csf": 9.854122164306078,
  "snr_gm": 14.261392542625297,
  "snr_total": 8.193622655946045,
  "snr_wm": 0.4653532609067616,
  "snrd_csf": 80.30155857838946,
  "snrd_gm": 60.14843029537703,
  "snrd_total": 55.803795093008155,
  "snrd_wm": 26.96139640525798,
  "spacing_x": 1.0,
  "spacing_y": 1.0,
  "spacing_z": 1.0,
  "summary_bg_k": 146.83881595342268,
  "summary_bg_mad": 24.40571912090817,
  "summary_bg_mean": 19.696428287463014,
  "summary_bg_median": 16.461407393217087,
  "summary_bg_n": 4042843.0,
  "summary_bg_p05": 0.0,
  "summary_bg_p95": 53.53005811572075,
  "summary_bg_stdv": 21.626865580060247,
  "summary_csf_k": 1.955234588413811,
  "summary_csf_mad": 252.1924309160511,
  "summary_csf_mean": 3030.275460646977,
  "summary_csf_median": 2991.4645005762577,
  "summary_csf_n": 3807.0,
  "summary_csf_p05": 2592.927730768919,
  "summary_csf_p95": 3565.5042604655027,
  "summary_csf_stdv": 303.5350622708329,
  "summary_gm_k": -0.1321853345865187,
  "summary_gm_mad": 160.89696309339462,
  "summary_gm_mean": 2241.9691987932815,
  "summary_gm_median": 2240.7023870944977,
  "summary_gm_n": 278614.0,
  "summary_gm_p05": 1986.3431587815285,
  "summary_gm_p95": 2499.9390694499016,
  "summary_gm_stdv": 157.11637971080015,
  "summary_wm_k": -1.5342884750000731,
  "summary_wm_mad": 1353.342321030508,
  "summary_wm_mean": 2227.2066139044887,
  "summary_wm_median": 1004.389723688364,
  "summary_wm_n": 47558.0,
  "summary_wm_p05": 77.55151927471161,
  "summary_wm_p95": 5600.6768310293555,
  "summary_wm_stdv": 2158.315517218538,
  "tpm_overlap_csf": 0.09523231666879553,
  "tpm_overlap_gm": 0.38721119982142493,
  "tpm_overlap_wm": 0.035012509622137776,
  "wm2max": 0.1818790905475759
}