{
  "aor": 0.004340653266331658,
  "aqi": 0.0016973683718592963,
  "bids_meta": {
    "AcquisitionMatrixPE": 64,
    "AcquisitionNumber": 1,
    "AcquisitionTime": "15:50:43.000000",
    "BodyPartExamined": "BRAIN",
    "CoilString": "32Ch Head",
    "ConversionSoftware": "dcm2niix",
    "ConversionSoftwareVersion": "v1.0.20211006",
    "Dcm2bidsVersion": "2.1.6",
    "DeviceSerialNumber": "000301496MR3T6MR",
    "EchoTime": 0.0169,
    "EffectiveEchoSpacing": 0.000416,
    "FlipAngle": 90,
    "ImageOrientationPatientDICOM": [
      1,
      0,
      0,
      0,
      1,
      0
    ],
    "ImageType": [
      "ORIGINAL",
      "PRIMARY",
      "OTHER"
    ],
    "ImagingFrequency": 127.697,
    "InPlanePhaseEncodingDirectionDICOM": "COL",
    "InstitutionName": "NIH FMRIF",
    "InternalPulseSequenceName": "EPI",
    "MRAcquisitionType": "2D",
    "MagneticFieldStrength": 3,
    "Manufacturer": "GE",
    "ManufacturersModelName": "DISCOVERY MR750",
    "Modality": "MR",
    "PatientPosition": "HFS",
    "PercentPhaseFOV": 100,
    "PercentSampling": 100,
    "PhaseEncodingDirection": "j",
    "PhaseEncodingPolarityGE": "Flipped",
    "PixelBandwidth": 7812.5,
    "ProcedureStepDescription": "MRI Brain",
    "ProtocolName": "ADNI3 FMRIF Enhanced Pro",
    "PulseSequenceName": "epi",
    "ReconMatrixPE": 64,
    "RepetitionTime": 3,
    "SAR": 0.185336,
    "ScanOptions": "MP_GEMS\\EPI_GEMS\\PFF",
    "ScanningSequence": "EP\\GR",
    "SequenceVariant": "SS",
    "SeriesDescription": "Axial rsfMRI with Eyes Open - RKV",
    "SeriesNumber": 11,
    "SliceThickness": 3.4,
    "SliceTiming": [
      0,
      1.5,
      0.0625,
      1.5625,
      0.125,
      1.625,
      0.1875,
      1.6875,
      0.25,
      1.75,
      0.3125,
      1.8125,
      0.375,
      1.875,
      0.4375,
      1.9375,
      0.5,
      2,
      0.5625,
      2.0625,
      0.625,
      2.125,
      0.6875,
      2.1875,
      0.75,
      2.25,
      0.8125,
      2.3125,
      0.875,
      2.375,
      0.9375,
      2.4375,
      1,
      2.5,
      1.0625,
      2.5625,
      1.125,
      2.625,
      1.1875,
      2.6875,
      1.25,
      2.75,
      1.3125,
      2.8125,
      1.375,
      2.875,
      1.4375,
      2.9375
    ],
    "SoftwareVersions": "27\\LX\\MR Software release:DV26.0_R01_1725.a",
    "SpacingBetweenSlices": 3.4,
    "StationName": "fmrif3tb",
    "TaskName": "Resting state with eyes open.",
    "TotalReadoutTime": 0.026208,
    "TriggerDelayTime": 599938,
    "dataset": "ds004215",
    "modality": "bold",
    "session_id": "01",
    "subject_id": "ON12666",
    "task_id": "rest"
  },
  "dummy_trs": 1,
  "dvars_nstd": 11.66975858510101,
  "dvars_std": 1.2796609723232326,
  "dvars_vstd": 0.9810952547979792,
  "efc": 0.4834019986353418,
  "fber": 4096.849609375,
  "fd_mean": 0.05249363932840328,
  "fd_num": 2,
  "fd_perc": 1.0050251256281406,
  "fwhm_avg": 2.8419479306776463,
  "fwhm_x": 2.7199999999999998,
  "fwhm_y": 2.656808727272727,
  "fwhm_z": 3.149035064760212,
  "gcor": 0.0483548,
  "gsr_x": 0.0054567959159612656,
  "gsr_y": 0.06784426420927048,
  "provenance": {
    "md5sum": "f6f69fc0c095a898cac6c2031076923f",
    "settings": {
      "fd_thres": 0.2,
      "testing": false
    },
    "software": "mriqc",
    "version": "22.0.6",
    "webapi_port": null,
    "webapi_url": "https://mriqc.nimh.nih.gov/api/v1"
  },
  "size_t": 199,
  "size_x": 64,
  "size_y": 64,
  "size_z": 48,
  "snr": 3.965969063566041,
  "spacing_tr": 3.0,
  "spacing_x": 3.4375,
  "spacing_y": 3.4375,
  "spacing_z": 3.399993896484375,
  "summary_bg_k": 17.51425469969282,
  "summary_bg_mad": 16.554482409240396,
  "summary_bg_mean": 184.5885009765625,
  "summary_bg_median": 39.20100402832031,
  "summary_bg_n": 132529.0,
  "summary_bg_p05": 22.74371910095215,
  "summary_bg_p95": 996.0854003906247,
  "summary_bg_stdv": 363.3352355957031,
  "summary_fg_k": 1.9480710684590692,
  "summary_fg_mad": 561.206022553931,
  "summary_fg_mean": 2592.337646484375,
  "summary_fg_median": 2501.9296875,
  "summary_fg_n": 25896.0,
  "summary_fg_p05": 1709.3203430175781,
  "summary_fg_p95": 3704.4874877929688,
  "summary_fg_stdv": 630.8373413085938,
  "tsnr": 124.5981005243957
}