{
  "aor": 0.03230333333333334,
  "aqi": 0.0007096325555555556,
  "bids_meta": {
    "AcquisitionMatrixPE": 64,
    "AcquisitionNumber": 1,
    "AcquisitionTime": "16:01:51.000000",
    "BodyPartExamined": "BRAIN",
    "CoilString": "32Ch Head",
    "ConversionSoftware": "dcm2niix",
    "ConversionSoftwareVersion": "v1.0.20211006",
    "Dcm2bidsVersion": "2.1.6",
    "DeviceSerialNumber": "000301496MR3T6MR",
    "EchoTime": 0.0169,
    "EffectiveEchoSpacing": 0.000416,
    "FlipAngle": 90,
    "ImageOrientationPatientDICOM": [
      1,
      0,
      0,
      0,
      1,
      0
    ],
    "ImageType": [
      "ORIGINAL",
      "PRIMARY",
      "OTHER"
    ],
    "ImagingFrequency": 127.697,
    "InPlanePhaseEncodingDirectionDICOM": "COL",
    "InstitutionName": "NIH FMRIF",
    "InternalPulseSequenceName": "EPI",
    "MRAcquisitionType": "2D",
    "MagneticFieldStrength": 3,
    "Manufacturer": "GE",
    "ManufacturersModelName": "DISCOVERY MR750",
    "Modality": "MR",
    "PatientPosition": "HFS",
    "PercentPhaseFOV": 100,
    "PercentSampling": 100,
    "PhaseEncodingDirection": "j-",
    "PhaseEncodingPolarityGE": "Unflipped",
    "PixelBandwidth": 7812.5,
    "ProcedureStepDescription": "MRI Brain",
    "ProtocolName": "ADNI3 FMRIF Enhanced Pro",
    "PulseSequenceName": "epi",
    "ReconMatrixPE": 64,
    "RepetitionTime": 3,
    "SAR": 0.187168,
    "ScanOptions": "MP_GEMS\\EPI_GEMS\\PFF",
    "ScanningSequence": "EP\\GR",
    "SequenceVariant": "SS",
    "SeriesDescription": "Axial rsfMRI reverse blip - RKV",
    "SeriesNumber": 12,
    "SliceThickness": 3.4,
    "SliceTiming": [
      0,
      1.5,
      0.0625,
      1.5625,
      0.125,
      1.625,
      0.1875,
      1.6875,
      0.25,
      1.75,
      0.3125,
      1.8125,
      0.375,
      1.875,
      0.4375,
      1.9375,
      0.5,
      2,
      0.5625,
      2.0625,
      0.625,
      2.125,
      0.6875,
      2.1875,
      0.75,
      2.25,
      0.8125,
      2.3125,
      0.875,
      2.375,
      0.9375,
      2.4375,
      1,
      2.5,
      1.0625,
      2.5625,
      1.125,
      2.625,
      1.1875,
      2.6875,
      1.25,
      2.75,
      1.3125,
      2.8125,
      1.375,
      2.875,
      1.4375,
      2.9375
    ],
    "SoftwareVersions": "27\\LX\\MR Software release:DV26.0_R01_1725.a",
    "SpacingBetweenSlices": 3.4,
    "StationName": "fmrif3tb",
    "TaskName": "Resting state with reverse blip.",
    "TotalReadoutTime": 0.026208,
    "TriggerDelayTime": 29938,
    "dataset": "ds004215",
    "modality": "bold",
    "session_id": "01",
    "subject_id": "ON12666",
    "task_id": "rest"
  },
  "dummy_trs": 1,
  "dvars_nstd": 14.31141745875,
  "dvars_std": 1.48222158875,
  "dvars_vstd": 1.3199826025,
  "efc": 0.4857760307644097,
  "fber": 4342.32763671875,
  "fd_mean": 0.07282260148308259,
  "fd_num": 0,
  "fd_perc": 0.0,
  "fwhm_avg": 2.8217488466439984,
  "fwhm_x": 2.715397818181818,
  "fwhm_y": 2.785931636363636,
  "fwhm_z": 2.9639170853865413,
  "gcor": 0.0528298,
  "gsr_x": 0.004006935749202967,
  "gsr_y": 0.06178377941250801,
  "provenance": {
    "md5sum": "acb53db44fe1f2a7dc7b88d0e45b84cf",
    "settings": {
      "fd_thres": 0.2,
      "testing": false
    },
    "software": "mriqc",
    "version": "22.0.6",
    "webapi_port": null,
    "webapi_url": "https://mriqc.nimh.nih.gov/api/v1"
  },
  "size_t": 9,
  "size_x": 64,
  "size_y": 64,
  "size_z": 48,
  "snr": 4.25461898626006,
  "spacing_tr": 3.0,
  "spacing_x": 3.4375,
  "spacing_y": 3.4375,
  "spacing_z": 3.399993896484375,
  "summary_bg_k": 18.53424986861306,
  "summary_bg_mad": 12.519749553745692,
  "summary_bg_mean": 163.14085388183594,
  "summary_bg_median": 37.33333206176758,
  "summary_bg_n": 129621.0,
  "summary_bg_p05": 25.11111068725586,
  "summary_bg_p95": 898.6666870117188,
  "summary_bg_stdv": 325.97607421875,
  "summary_fg_k": 1.8779145689202306,
  "summary_fg_mad": 537.5256508891182,
  "summary_fg_mean": 2554.24072265625,
  "summary_fg_median": 2495.27783203125,
  "summary_fg_n": 26906.0,
  "summary_fg_p05": 1674.6666259765625,
  "summary_fg_p95": 3559.0277709960938,
  "summary_fg_stdv": 586.4758911132812,
  "tsnr": 196.56103253178298
}