{
  "bids_meta": {
    "AcquisitionMatrixPE": 256,
    "AcquisitionNumber": 1,
    "AcquisitionTime": "15:29:39.000000",
    "BodyPartExamined": "BRAIN",
    "CoilString": "32Ch Head",
    "ConversionSoftware": "dcm2niix",
    "ConversionSoftwareVersion": "v1.0.20211006",
    "Dcm2bidsVersion": "2.1.6",
    "DeviceSerialNumber": "000301496MR3T6MR",
    "EchoTime": 0.003036,
    "FlipAngle": 11,
    "ImageOrientationPatientDICOM": [
      0,
      1,
      0,
      0,
      0,
      -1
    ],
    "ImageType": [
      "ORIGINAL",
      "PRIMARY",
      "OTHER"
    ],
    "ImagingFrequency": 127.697,
    "InPlanePhaseEncodingDirectionDICOM": "ROW",
    "InstitutionName": "NIH FMRIF",
    "InversionTime": 0.4,
    "MRAcquisitionType": "3D",
    "MagneticFieldStrength": 3,
    "Manufacturer": "GE",
    "ManufacturersModelName": "DISCOVERY MR750",
    "Modality": "MR",
    "ParallelReductionFactorInPlane": 1.72974,
    "PatientPosition": "HFS",
    "PercentPhaseFOV": 100,
    "PercentSampling": 100,
    "PixelBandwidth": 244.141,
    "ProcedureStepDescription": "MRI Brain",
    "ProtocolName": "ADNI3 FMRIF Enhanced Pro",
    "ReconMatrixPE": 256,
    "RepetitionTime": 0.007348,
    "SAR": 0.219961,
    "ScanOptions": "FAST_GEMS\\EDR_GEMS\\FILTERED_GEMS\\ACC_GEMS\\IR_GEMS",
    "ScanningSequence": "GR",
    "SequenceVariant": "SS\\SP\\SK",
    "SeriesDescription": "Accelerated Sagittal IR-FSPGR",
    "SeriesNumber": 3,
    "SliceThickness": 1.2,
    "SoftwareVersions": "27\\LX\\MR Software release:DV26.0_R01_1725.a",
    "SpacingBetweenSlices": 1.2,
    "SpoilingState": true,
    "StationName": "fmrif3tb",
    "acq_id": "FSPGR",
    "dataset": "ds004215",
    "modality": "T1w",
    "rec_id": "SCIC",
    "session_id": "01",
    "subject_id": "ON38044"
  },
  "cjv": 0.2973010285935464,
  "cnr": 4.551627351073015,
  "efc": 0.5362199150033177,
  "fber": 16669.67901234568,
  "fwhm_avg": 3.504646029518293,
  "fwhm_x": 3.2804500092824536,
  "fwhm_y": 3.8072057792463716,
  "fwhm_z": 3.426282300026053,
  "icvs_csf": 0.22914202446717913,
  "icvs_gm": 0.4608524015196088,
  "icvs_wm": 0.31000557401321205,
  "inu_med": 0.507456511259079,
  "inu_range": 0.1068481683731079,
  "provenance": {
    "md5sum": "6bba67c8f5d3273740e7b73c792d2c0b",
    "settings": {
      "testing": false
    },
    "software": "mriqc",
    "version": "22.0.6",
    "warnings": {
      "large_rot_frame": true,
      "small_air_mask": false
    },
    "webapi_port": null,
    "webapi_url": "https://mriqc.nimh.nih.gov/api/v1"
  },
  "qi_1": 0.0,
  "qi_2": 0.0031035556641164945,
  "rpve_csf": 33.08259149997539,
  "rpve_gm": 17.573480779037357,
  "rpve_wm": 29.89858525305757,
  "size_x": 196,
  "size_y": 256,
  "size_z": 256,
  "snr_csf": 2.1740198049447925,
  "snr_gm": 10.040571031084372,
  "snr_total": 12.396992458703721,
  "snr_wm": 24.976386540082,
  "snrd_csf": 16.419571983349346,
  "snrd_gm": 45.52553274674627,
  "snrd_total": 43.970622545296116,
  "snrd_wm": 69.96676290579273,
  "spacing_x": 1.1999969482421875,
  "spacing_y": 1.0547000169754028,
  "spacing_z": 1.0547000169754028,
  "summary_bg_k": 12.91085040903344,
  "summary_bg_mad": 0.0,
  "summary_bg_mean": 5.740934272715636,
  "summary_bg_median": 0.0,
  "summary_bg_n": 1051215.0,
  "summary_bg_p05": 0.0,
  "summary_bg_p95": 24.389269053936005,
  "summary_bg_stdv": 9.363537510015279,
  "summary_csf_k": 0.7032066313994982,
  "summary_csf_mad": 89.98401496716563,
  "summary_csf_mean": 245.87294178757557,
  "summary_csf_median": 234.67674542963505,
  "summary_csf_n": 14788.0,
  "summary_csf_p05": 80.85842339545488,
  "summary_csf_p95": 449.56819611936794,
  "summary_csf_stdv": 107.94235179448147,
  "summary_gm_k": 0.0011562471492472248,
  "summary_gm_mad": 65.38364196889572,
  "summary_gm_mean": 649.149293960184,
  "summary_gm_median": 650.6737124323845,
  "summary_gm_n": 35652.0,
  "summary_gm_p05": 540.0423887073994,
  "summary_gm_p95": 752.5888711512089,
  "summary_gm_stdv": 64.8035440422102,
  "summary_wm_k": 0.39720064908703456,
  "summary_wm_mad": 38.47142668886067,
  "summary_wm_mean": 999.2523941547624,
  "summary_wm_median": 1000.0000136196613,
  "summary_wm_n": 116373.0,
  "summary_wm_p05": 931.9899371266365,
  "summary_wm_p95": 1063.0922538936138,
  "summary_wm_stdv": 40.037645776995014,
  "tpm_overlap_csf": 0.15900752492497028,
  "tpm_overlap_gm": 0.48671928558577904,
  "tpm_overlap_wm": 0.5051496157296291,
  "wm2max": 0.43781037223377833
}