{
  "bids_meta": {
    "AcquisitionMatrixPE": 256,
    "AcquisitionNumber": 1,
    "AcquisitionTime": "15:35:35.000000",
    "BodyPartExamined": "BRAIN",
    "CoilString": "32Ch Head",
    "ConversionSoftware": "dcm2niix",
    "ConversionSoftwareVersion": "v1.0.20211006",
    "Dcm2bidsVersion": "2.1.6",
    "DeviceSerialNumber": "000301496MR3T6MR",
    "EchoTime": 0.058743,
    "EchoTrainLength": 140,
    "FlipAngle": 90,
    "ImageOrientationPatientDICOM": [
      0,
      1,
      0,
      0,
      0,
      -1
    ],
    "ImageType": [
      "ORIGINAL",
      "PRIMARY",
      "OTHER"
    ],
    "ImagingFrequency": 127.697,
    "InPlanePhaseEncodingDirectionDICOM": "ROW",
    "InstitutionName": "NIH FMRIF",
    "MRAcquisitionType": "3D",
    "MagneticFieldStrength": 3,
    "Manufacturer": "GE",
    "ManufacturersModelName": "DISCOVERY MR750",
    "Modality": "MR",
    "ParallelReductionFactorInPlane": 2,
    "ParallelReductionOutOfPlane": 1.5,
    "PatientPosition": "HFS",
    "PercentPhaseFOV": 100,
    "PercentSampling": 100,
    "PhaseEncodingAxis": "i",
    "PixelBandwidth": 244.141,
    "ProcedureStepDescription": "MRI Brain",
    "ProtocolName": "ADNI3 FMRIF Enhanced Pro",
    "ReconMatrixPE": 256,
    "RepetitionTime": 3.202,
    "SAR": 0.4187,
    "ScanOptions": "SAT_GEMS\\EDR_GEMS\\PROMO_GEMS\\ACC_GEMS\\FS\\FR_GEMS",
    "ScanningSequence": "RM",
    "SequenceVariant": "NONE",
    "SeriesDescription": "Sag_CUBE_T2",
    "SeriesNumber": 4,
    "SliceThickness": 1,
    "SoftwareVersions": "27\\LX\\MR Software release:DV26.0_R01_1725.a",
    "SpacingBetweenSlices": 1,
    "StationName": "fmrif3tb",
    "acq_id": "CUBE",
    "dataset": "ds004215",
    "modality": "T2w",
    "session_id": "01",
    "subject_id": "ON38044"
  },
  "cjv": 17.374387893280375,
  "cnr": 0.07030054497240787,
  "efc": 0.4027821215202915,
  "fber": 7840.194321170283,
  "fwhm_avg": 2.3459,
  "fwhm_x": 1.94773,
  "fwhm_y": 2.63933,
  "fwhm_z": 2.45064,
  "icvs_csf": 0.21412858517613875,
  "icvs_gm": 0.5805420385942633,
  "icvs_wm": 0.2053293762295979,
  "inu_med": 0.9010533690452576,
  "inu_range": 0.5063335359096527,
  "provenance": {
    "md5sum": "f4dd24d8d69b82602b97bf8fb5f784fd",
    "settings": {
      "testing": false
    },
    "software": "mriqc",
    "version": "22.0.6",
    "warnings": {
      "large_rot_frame": true,
      "small_air_mask": false
    },
    "webapi_port": null,
    "webapi_url": "https://mriqc.nimh.nih.gov/api/v1"
  },
  "qi_1": 0.0,
  "qi_2": 0.008304446311478276,
  "rpve_csf": 24.49663554375088,
  "rpve_gm": 12.420163594152068,
  "rpve_wm": 35.40595110737106,
  "size_x": 204,
  "size_y": 256,
  "size_z": 256,
  "snr_csf": 10.257847441831158,
  "snr_gm": 10.077091727389586,
  "snr_total": 7.055185175578096,
  "snr_wm": 0.8306163575135419,
  "snrd_csf": 67.58207327229039,
  "snrd_gm": 45.352192162169914,
  "snrd_total": 54.164336146470625,
  "snrd_wm": 49.55874300495158,
  "spacing_x": 1.0,
  "spacing_y": 1.0,
  "spacing_z": 1.0,
  "summary_bg_k": 9.78455122703539,
  "summary_bg_mad": 13.320696101547917,
  "summary_bg_mean": 12.078026244796304,
  "summary_bg_median": 8.984672985970974,
  "summary_bg_n": 2816589.0,
  "summary_bg_p05": 0.0,
  "summary_bg_p95": 31.182100363075733,
  "summary_bg_stdv": 11.61552121748876,
  "summary_csf_k": 1.0833584533677696,
  "summary_csf_mad": 122.7593562299514,
  "summary_csf_mean": 1383.3280103429229,
  "summary_csf_median": 1374.1264566779137,
  "summary_csf_n": 5728.0,
  "summary_csf_p05": 1184.0800698511302,
  "summary_csf_p95": 1618.4919448904693,
  "summary_csf_stdv": 133.94686468525845,
  "summary_gm_k": -0.03354262605156144,
  "summary_gm_mad": 93.85431632332454,
  "summary_gm_mean": 926.81806285314,
  "summary_gm_median": 922.1328097954392,
  "summary_gm_n": 237376.0,
  "summary_gm_p05": 785.4248443618417,
  "summary_gm_p95": 1082.917349897325,
  "summary_gm_stdv": 91.50763855217242,
  "summary_wm_k": -1.6295591882001916,
  "summary_wm_mad": 1392.1868693581828,
  "summary_wm_mean": 1368.5583075062732,
  "summary_wm_median": 1007.663373220712,
  "summary_wm_n": 52232.0,
  "summary_wm_p05": 56.17182316817345,
  "summary_wm_p95": 3188.3257196098566,
  "summary_wm_stdv": 1213.139758234743,
  "tpm_overlap_csf": 0.10555686489197288,
  "tpm_overlap_gm": 0.37006977470617364,
  "tpm_overlap_wm": 0.04999295565756838,
  "wm2max": 0.3207922828139313
}