{
  "aor": 0.031286666666666664,
  "aqi": 0.0009633037777777778,
  "bids_meta": {
    "AcquisitionMatrixPE": 64,
    "AcquisitionNumber": 1,
    "AcquisitionTime": "15:03:30.000000",
    "BodyPartExamined": "BRAIN",
    "CoilString": "32Ch Head",
    "ConversionSoftware": "dcm2niix",
    "ConversionSoftwareVersion": "v1.0.20211006",
    "Dcm2bidsVersion": "2.1.6",
    "DeviceSerialNumber": "000301496MR3T6MR",
    "EchoTime": 0.0169,
    "EffectiveEchoSpacing": 0.000416,
    "FlipAngle": 90,
    "ImageOrientationPatientDICOM": [
      1,
      0,
      0,
      0,
      1,
      0
    ],
    "ImageType": [
      "ORIGINAL",
      "PRIMARY",
      "OTHER"
    ],
    "ImagingFrequency": 127.696,
    "InPlanePhaseEncodingDirectionDICOM": "COL",
    "InstitutionName": "NIH FMRIF",
    "InternalPulseSequenceName": "EPI",
    "MRAcquisitionType": "2D",
    "MagneticFieldStrength": 3,
    "Manufacturer": "GE",
    "ManufacturersModelName": "DISCOVERY MR750",
    "Modality": "MR",
    "PatientPosition": "HFS",
    "PercentPhaseFOV": 100,
    "PercentSampling": 100,
    "PhaseEncodingDirection": "j-",
    "PhaseEncodingPolarityGE": "Unflipped",
    "PixelBandwidth": 7812.5,
    "ProcedureStepDescription": "MRI Brain",
    "ProtocolName": "ADNI3 FMRIF Enhanced Pro",
    "PulseSequenceName": "epi",
    "ReconMatrixPE": 64,
    "RepetitionTime": 3,
    "SAR": 0.151922,
    "ScanOptions": "MP_GEMS\\EPI_GEMS\\PFF",
    "ScanningSequence": "EP\\GR",
    "SequenceVariant": "SS",
    "SeriesDescription": "Axial rsfMRI reverse blip - RKV",
    "SeriesNumber": 11,
    "SliceThickness": 3.4,
    "SliceTiming": [
      0,
      1.5,
      0.0625,
      1.5625,
      0.125,
      1.625,
      0.1875,
      1.6875,
      0.25,
      1.75,
      0.3125,
      1.8125,
      0.375,
      1.875,
      0.4375,
      1.9375,
      0.5,
      2,
      0.5625,
      2.0625,
      0.625,
      2.125,
      0.6875,
      2.1875,
      0.75,
      2.25,
      0.8125,
      2.3125,
      0.875,
      2.375,
      0.9375,
      2.4375,
      1,
      2.5,
      1.0625,
      2.5625,
      1.125,
      2.625,
      1.1875,
      2.6875,
      1.25,
      2.75,
      1.3125,
      2.8125,
      1.375,
      2.875,
      1.4375,
      2.9375
    ],
    "SoftwareVersions": "27\\LX\\MR Software release:DV26.0_R03_1831.b",
    "SpacingBetweenSlices": 3.4,
    "StationName": "FMRI3tb",
    "TaskName": "Resting state with reverse blip.",
    "TotalReadoutTime": 0.026208,
    "TriggerDelayTime": 29938,
    "dataset": "ds004215",
    "modality": "bold",
    "session_id": "01",
    "subject_id": "ON72082",
    "task_id": "rest"
  },
  "dummy_trs": 1,
  "dvars_nstd": 15.772277117500002,
  "dvars_std": 1.43303766875,
  "dvars_vstd": 1.33855377375,
  "efc": 0.47233500212766427,
  "fber": 5760.05126953125,
  "fd_mean": 0.11554576287131552,
  "fd_num": 0,
  "fd_perc": 0.0,
  "fwhm_avg": 2.7857355348900152,
  "fwhm_x": 2.7448814545454545,
  "fwhm_y": 2.6938676363636365,
  "fwhm_z": 2.9184575137609534,
  "gcor": 0.0505515,
  "gsr_x": -0.013918566517531872,
  "gsr_y": 0.045690301805734634,
  "provenance": {
    "md5sum": "29db19758b1e5c066cb2f6fb55fc49f4",
    "settings": {
      "fd_thres": 0.2,
      "testing": false
    },
    "software": "mriqc",
    "version": "22.0.6",
    "webapi_port": null,
    "webapi_url": "https://mriqc.nimh.nih.gov/api/v1"
  },
  "size_t": 9,
  "size_x": 64,
  "size_y": 64,
  "size_z": 48,
  "snr": 4.491009896985173,
  "spacing_tr": 3.0,
  "spacing_x": 3.4375,
  "spacing_y": 3.4375,
  "spacing_z": 3.4000015258789062,
  "summary_bg_k": 23.608399303760418,
  "summary_bg_mad": 10.048749626688775,
  "summary_bg_mean": 126.63865661621094,
  "summary_bg_median": 34.33333206176758,
  "summary_bg_n": 129875.0,
  "summary_bg_p05": 23.66666603088379,
  "summary_bg_p95": 629.2222290039062,
  "summary_bg_stdv": 239.88438415527344,
  "summary_fg_k": 0.2697656036767344,
  "summary_fg_mad": 538.9260874085024,
  "summary_fg_mean": 2646.23046875,
  "summary_fg_median": 2578.83349609375,
  "summary_fg_n": 30036.0,
  "summary_fg_p05": 1786.77783203125,
  "summary_fg_p95": 3685.6389770507812,
  "summary_fg_stdv": 574.2117309570312,
  "tsnr": 178.2118386523798
}