{
  "aor": 0.00278964824120603,
  "aqi": 0.002803133819095477,
  "bids_meta": {
    "AcquisitionMatrixPE": 64,
    "AcquisitionNumber": 1,
    "AcquisitionTime": "14:52:13.000000",
    "BodyPartExamined": "BRAIN",
    "CoilString": "32Ch Head",
    "ConversionSoftware": "dcm2niix",
    "ConversionSoftwareVersion": "v1.0.20211006",
    "Dcm2bidsVersion": "2.1.6",
    "DeviceSerialNumber": "000301496MR3T6MR",
    "EchoTime": 0.0169,
    "EffectiveEchoSpacing": 0.000416,
    "FlipAngle": 90,
    "ImageOrientationPatientDICOM": [
      1,
      0,
      0,
      0,
      1,
      0
    ],
    "ImageType": [
      "ORIGINAL",
      "PRIMARY",
      "OTHER"
    ],
    "ImagingFrequency": 127.696,
    "InPlanePhaseEncodingDirectionDICOM": "COL",
    "InstitutionName": "NIH FMRIF",
    "InternalPulseSequenceName": "EPI",
    "MRAcquisitionType": "2D",
    "MagneticFieldStrength": 3,
    "Manufacturer": "GE",
    "ManufacturersModelName": "DISCOVERY MR750",
    "Modality": "MR",
    "PatientPosition": "HFS",
    "PercentPhaseFOV": 100,
    "PercentSampling": 100,
    "PhaseEncodingDirection": "j",
    "PhaseEncodingPolarityGE": "Flipped",
    "PixelBandwidth": 7812.5,
    "ProcedureStepDescription": "MRI Brain",
    "ProtocolName": "ADNI3 FMRIF Enhanced Pro",
    "PulseSequenceName": "epi",
    "ReconMatrixPE": 64,
    "RepetitionTime": 3,
    "SAR": 0.152273,
    "ScanOptions": "MP_GEMS\\EPI_GEMS\\PFF",
    "ScanningSequence": "EP\\GR",
    "SequenceVariant": "SS",
    "SeriesDescription": "Axial rsfMRI with Eyes Open - RKV",
    "SeriesNumber": 10,
    "SliceThickness": 3.4,
    "SliceTiming": [
      0,
      1.5,
      0.0625,
      1.5625,
      0.125,
      1.625,
      0.1875,
      1.6875,
      0.25,
      1.75,
      0.3125,
      1.8125,
      0.375,
      1.875,
      0.4375,
      1.9375,
      0.5,
      2,
      0.5625,
      2.0625,
      0.625,
      2.125,
      0.6875,
      2.1875,
      0.75,
      2.25,
      0.8125,
      2.3125,
      0.875,
      2.375,
      0.9375,
      2.4375,
      1,
      2.5,
      1.0625,
      2.5625,
      1.125,
      2.625,
      1.1875,
      2.6875,
      1.25,
      2.75,
      1.3125,
      2.8125,
      1.375,
      2.875,
      1.4375,
      2.9375
    ],
    "SoftwareVersions": "27\\LX\\MR Software release:DV26.0_R03_1831.b",
    "SpacingBetweenSlices": 3.4,
    "StationName": "FMRI3tb",
    "TaskName": "Resting state with eyes open.",
    "TotalReadoutTime": 0.026208,
    "TriggerDelayTime": 599938,
    "dataset": "ds004215",
    "modality": "bold",
    "session_id": "01",
    "subject_id": "ON72082",
    "task_id": "rest"
  },
  "dummy_trs": 1,
  "dvars_nstd": 14.52862283934344,
  "dvars_std": 1.314269933686868,
  "dvars_vstd": 0.9745888117171717,
  "efc": 0.463864556677183,
  "fber": 5679.91796875,
  "fd_mean": 0.10854428950458223,
  "fd_num": 15,
  "fd_perc": 7.5376884422110555,
  "fwhm_avg": 2.8708471150123906,
  "fwhm_x": 2.8226676363636365,
  "fwhm_y": 2.5907869090909093,
  "fwhm_z": 3.199086799582627,
  "gcor": 0.0354786,
  "gsr_x": -0.015485227108001709,
  "gsr_y": 0.042236458510160446,
  "provenance": {
    "md5sum": "bb15c21de56c0f04bc0f8cd53acfbe6f",
    "settings": {
      "fd_thres": 0.2,
      "testing": false
    },
    "software": "mriqc",
    "version": "22.0.6",
    "webapi_port": null,
    "webapi_url": "https://mriqc.nimh.nih.gov/api/v1"
  },
  "size_t": 199,
  "size_x": 64,
  "size_y": 64,
  "size_z": 48,
  "snr": 3.9726806122904907,
  "spacing_tr": 3.0,
  "spacing_x": 3.4375,
  "spacing_y": 3.4375,
  "spacing_z": 3.4000015258789062,
  "summary_bg_k": 31.64777137323258,
  "summary_bg_mad": 10.75817815902817,
  "summary_bg_mean": 123.12625885009766,
  "summary_bg_median": 34.67839050292969,
  "summary_bg_n": 130884.0,
  "summary_bg_p05": 23.814069747924805,
  "summary_bg_p95": 603.9716247558589,
  "summary_bg_stdv": 231.32469177246094,
  "summary_fg_k": 1.5394994354357623,
  "summary_fg_mad": 580.2822193604941,
  "summary_fg_mean": 2671.66455078125,
  "summary_fg_median": 2579.9951171875,
  "summary_fg_n": 29098.0,
  "summary_fg_p05": 1763.8911865234375,
  "summary_fg_p95": 3844.0977172851544,
  "summary_fg_stdv": 649.4231567382812,
  "tsnr": 103.52410781523213
}