{
  "bids_meta": {
    "AcquisitionMatrixPE": 256,
    "AcquisitionNumber": 1,
    "AcquisitionTime": "15:11:43.000000",
    "BodyPartExamined": "BRAIN",
    "CoilString": "32Ch Head",
    "ConversionSoftware": "dcm2niix",
    "ConversionSoftwareVersion": "v1.0.20211006",
    "Dcm2bidsVersion": "2.1.6",
    "DeviceSerialNumber": "000301496MR3T6MR",
    "EchoTime": 0.00292,
    "FlipAngle": 8,
    "ImageOrientationPatientDICOM": [
      0,
      1,
      0,
      0,
      0,
      -1
    ],
    "ImageType": [
      "ORIGINAL",
      "PRIMARY",
      "OTHER"
    ],
    "ImagingFrequency": 127.697,
    "InPlanePhaseEncodingDirectionDICOM": "ROW",
    "InstitutionName": "NIH FMRIF",
    "InversionTime": 1.06,
    "MRAcquisitionType": "3D",
    "MagneticFieldStrength": 3,
    "Manufacturer": "GE",
    "ManufacturersModelName": "DISCOVERY MR750",
    "Modality": "MR",
    "ParallelReductionFactorInPlane": 2,
    "ParallelReductionOutOfPlane": 2,
    "PatientPosition": "HFS",
    "PercentPhaseFOV": 100,
    "PercentSampling": 100,
    "PixelBandwidth": 244.141,
    "ProcedureStepDescription": "MRI Brain",
    "ProtocolName": "ADNI3 FMRIF Enhanced Pro",
    "ReconMatrixPE": 256,
    "RepetitionTime": 0.006952,
    "SAR": 0.119891,
    "ScanOptions": "EDR_GEMS\\PROMO_GEMS\\FILTERED_GEMS\\ACC_GEMS\\IR_GEMS",
    "ScanningSequence": "RM",
    "SequenceVariant": "NONE",
    "SeriesDescription": "Anat T1w MP-RAGE 1mm (ABCD)",
    "SeriesNumber": 3,
    "SliceThickness": 1,
    "SoftwareVersions": "27\\LX\\MR Software release:DV26.0_R01_1725.a",
    "SpacingBetweenSlices": 1,
    "StationName": "fmrif3tb",
    "acq_id": "MPRAGE",
    "dataset": "ds004215",
    "modality": "T1w",
    "rec_id": "SCIC",
    "session_id": "01",
    "subject_id": "ON02693"
  },
  "cjv": 0.351548261078894,
  "cnr": 3.8055379747931215,
  "efc": 0.6998732199726102,
  "fber": 17106.74243603855,
  "fwhm_avg": 3.3178700000000005,
  "fwhm_x": 3.26144,
  "fwhm_y": 3.49235,
  "fwhm_z": 3.19982,
  "icvs_csf": 0.20241855118333588,
  "icvs_gm": 0.44740080872936966,
  "icvs_wm": 0.35018064008729444,
  "inu_med": 0.48895329236984253,
  "inu_range": 0.08499135375022887,
  "provenance": {
    "md5sum": "c9b3045f5b01248f61e4f1db8fc82846",
    "settings": {
      "testing": false
    },
    "software": "mriqc",
    "version": "22.0.6",
    "warnings": {
      "large_rot_frame": true,
      "small_air_mask": false
    },
    "webapi_port": null,
    "webapi_url": "https://mriqc.nimh.nih.gov/api/v1"
  },
  "qi_1": 0.0,
  "qi_2": 0.004638839503751222,
  "rpve_csf": 27.41256556797914,
  "rpve_gm": 13.54469225701656,
  "rpve_wm": 19.97152445590924,
  "size_x": 208,
  "size_y": 256,
  "size_z": 256,
  "snr_csf": 1.6439902625054943,
  "snr_gm": 8.710045789308722,
  "snr_total": 9.968751757500264,
  "snr_wm": 19.552219220686577,
  "snrd_csf": 13.969510092718972,
  "snrd_gm": 53.9942956760631,
  "snrd_total": 50.20694005236796,
  "snrd_wm": 82.65701438832178,
  "spacing_x": 1.0,
  "spacing_y": 1.0,
  "spacing_z": 1.0,
  "summary_bg_k": 9.353241364956494,
  "summary_bg_mad": 0.0,
  "summary_bg_mean": 4.281545872759558,
  "summary_bg_median": 0.0,
  "summary_bg_n": 777548.0,
  "summary_bg_p05": 0.0,
  "summary_bg_p95": 22.223367212340236,
  "summary_bg_stdv": 7.925962717610587,
  "summary_csf_k": 1.4319858775038998,
  "summary_csf_mad": 78.07590460288087,
  "summary_csf_mean": 196.65392691427675,
  "summary_csf_median": 169.00574625097215,
  "summary_csf_n": 29649.0,
  "summary_csf_p05": 78.232432898134,
  "summary_csf_p95": 412.6438944194465,
  "summary_csf_stdv": 102.80042404914514,
  "summary_gm_k": 0.08931860057394436,
  "summary_gm_mad": 73.26535986940263,
  "summary_gm_mean": 652.5959089693365,
  "summary_gm_median": 653.2330893110484,
  "summary_gm_n": 46108.0,
  "summary_gm_p05": 527.6697769965976,
  "summary_gm_p95": 775.7062462773174,
  "summary_gm_stdv": 74.99685091737949,
  "summary_wm_k": 0.5291110341062448,
  "summary_wm_mad": 48.63995230516881,
  "summary_wm_mean": 999.6285343365051,
  "summary_wm_median": 1000.0000219661742,
  "summary_wm_n": 215722.0,
  "summary_wm_p05": 915.5357757825404,
  "summary_wm_p95": 1082.4041645843536,
  "summary_wm_stdv": 51.14497197880823,
  "tpm_overlap_csf": 0.1587418931894474,
  "tpm_overlap_gm": 0.45646472711529046,
  "tpm_overlap_wm": 0.5019210118730796,
  "wm2max": 0.6571143808406869
}