{
  "bids_meta": {
    "AcquisitionMatrixPE": 256,
    "AcquisitionNumber": 1,
    "AcquisitionTime": "15:18:14.000000",
    "BodyPartExamined": "BRAIN",
    "CoilString": "32Ch Head",
    "ConversionSoftware": "dcm2niix",
    "ConversionSoftwareVersion": "v1.0.20211006",
    "Dcm2bidsVersion": "2.1.6",
    "DeviceSerialNumber": "000301496MR3T6MR",
    "EchoTime": 0.066697,
    "EchoTrainLength": 140,
    "FlipAngle": 90,
    "ImageOrientationPatientDICOM": [
      0,
      1,
      0,
      0,
      0,
      -1
    ],
    "ImageType": [
      "ORIGINAL",
      "PRIMARY",
      "OTHER"
    ],
    "ImagingFrequency": 127.697,
    "InPlanePhaseEncodingDirectionDICOM": "ROW",
    "InstitutionName": "NIH FMRIF",
    "MRAcquisitionType": "3D",
    "MagneticFieldStrength": 3,
    "Manufacturer": "GE",
    "ManufacturersModelName": "DISCOVERY MR750",
    "Modality": "MR",
    "ParallelReductionFactorInPlane": 2,
    "ParallelReductionOutOfPlane": 1.5,
    "PatientPosition": "HFS",
    "PercentPhaseFOV": 100,
    "PercentSampling": 100,
    "PhaseEncodingAxis": "i",
    "PixelBandwidth": 244.141,
    "ProcedureStepDescription": "MRI Brain",
    "ProtocolName": "ADNI3 FMRIF Enhanced Pro",
    "ReconMatrixPE": 256,
    "RepetitionTime": 3.202,
    "SAR": 0.4248,
    "ScanOptions": "SAT_GEMS\\EDR_GEMS\\PROMO_GEMS\\ACC_GEMS\\FS\\FR_GEMS",
    "ScanningSequence": "RM",
    "SequenceVariant": "NONE",
    "SeriesDescription": "ORIG Anat T2w CUBE (ABCD)",
    "SeriesNumber": 40004,
    "SliceThickness": 1,
    "SoftwareVersions": "27\\LX\\MR Software release:DV26.0_R01_1725.a",
    "SpacingBetweenSlices": 1,
    "StationName": "fmrif3tb",
    "acq_id": "CUBE",
    "dataset": "ds004215",
    "modality": "T2w",
    "session_id": "01",
    "subject_id": "ON02693"
  },
  "cjv": 1.5965775263307143,
  "cnr": 0.8744458861203259,
  "efc": 0.42218206074043,
  "fber": 8218.360285374554,
  "fwhm_avg": 2.48023,
  "fwhm_x": 2.09961,
  "fwhm_y": 2.74948,
  "fwhm_z": 2.5916,
  "icvs_csf": 0.3331171946961379,
  "icvs_gm": 0.4843754554267679,
  "icvs_wm": 0.1825073498770942,
  "inu_med": 0.8882673680782318,
  "inu_range": 0.5236027389764784,
  "provenance": {
    "md5sum": "f031574bb744d3bff2dd22309b6ae6fe",
    "settings": {
      "testing": false
    },
    "software": "mriqc",
    "version": "22.0.6",
    "warnings": {
      "large_rot_frame": true,
      "small_air_mask": false
    },
    "webapi_port": null,
    "webapi_url": "https://mriqc.nimh.nih.gov/api/v1"
  },
  "qi_1": 0.010617880904536888,
  "qi_2": 0.006331362598029503,
  "rpve_csf": 16.262772805545907,
  "rpve_gm": 12.937149739768214,
  "rpve_wm": 35.88848752388899,
  "size_x": 204,
  "size_y": 256,
  "size_z": 256,
  "snr_csf": 12.775035267199984,
  "snr_gm": 12.1839811978993,
  "snr_total": 8.886170974139,
  "snr_wm": 1.6994964573177205,
  "snrd_csf": 66.58638834171823,
  "snrd_gm": 46.687590236386086,
  "snrd_total": 69.89347289246297,
  "snrd_wm": 96.40644009928458,
  "spacing_x": 1.0,
  "spacing_y": 1.0,
  "spacing_z": 1.0,
  "summary_bg_k": 5.559805890475669,
  "summary_bg_mad": 6.802716579322978,
  "summary_bg_mean": 5.408229735651701,
  "summary_bg_median": 4.588362606242299,
  "summary_bg_n": 4035025.0,
  "summary_bg_p05": 0.0,
  "summary_bg_p95": 15.284800274297595,
  "summary_bg_stdv": 5.389613380099633,
  "summary_csf_k": 0.5493169713270563,
  "summary_csf_mad": 51.95195655164491,
  "summary_csf_mean": 693.5650312223025,
  "summary_csf_median": 691.4107168056071,
  "summary_csf_n": 25771.0,
  "summary_csf_p05": 608.6448384560645,
  "summary_csf_p95": 784.7561318650842,
  "summary_csf_stdv": 54.12097013460456,
  "summary_gm_k": 0.10415408687639793,
  "summary_gm_mad": 39.86305256673337,
  "summary_gm_mean": 484.90687704024197,
  "summary_gm_median": 484.7882733270526,
  "summary_gm_n": 180766.0,
  "summary_gm_p05": 420.31739492341876,
  "summary_gm_p95": 549.9313322398812,
  "summary_gm_stdv": 39.78887725804126,
  "summary_wm_k": -1.6062951828290541,
  "summary_wm_mad": 784.3922180604069,
  "summary_wm_mean": 795.8678309387695,
  "summary_wm_median": 1001.0521296281368,
  "summary_wm_n": 49871.0,
  "summary_wm_p05": 27.267148481681943,
  "summary_wm_p95": 1621.3578386567533,
  "summary_wm_stdv": 589.0227595663838,
  "tpm_overlap_csf": 0.10289818673018347,
  "tpm_overlap_gm": 0.31572845429659846,
  "tpm_overlap_wm": 0.04374474380944578,
  "wm2max": 0.6348556177484523
}