{
  "bids_meta": {
    "AcquisitionMatrixPE": 256,
    "AcquisitionNumber": 1,
    "AcquisitionTime": "15:11:43.000000",
    "BodyPartExamined": "BRAIN",
    "CoilString": "32Ch Head",
    "ConversionSoftware": "dcm2niix",
    "ConversionSoftwareVersion": "v1.0.20211006",
    "Dcm2bidsVersion": "2.1.6",
    "DeviceSerialNumber": "000301496MR3T6MR",
    "EchoTime": 0.00292,
    "FlipAngle": 8,
    "ImageOrientationPatientDICOM": [
      0,
      1,
      0,
      0,
      0,
      -1
    ],
    "ImageType": [
      "ORIGINAL",
      "PRIMARY",
      "OTHER"
    ],
    "ImagingFrequency": 127.697,
    "InPlanePhaseEncodingDirectionDICOM": "ROW",
    "InstitutionName": "NIH FMRIF",
    "InversionTime": 1.06,
    "MRAcquisitionType": "3D",
    "MagneticFieldStrength": 3,
    "Manufacturer": "GE",
    "ManufacturersModelName": "DISCOVERY MR750",
    "Modality": "MR",
    "ParallelReductionFactorInPlane": 2,
    "ParallelReductionOutOfPlane": 2,
    "PatientPosition": "HFS",
    "PercentPhaseFOV": 100,
    "PercentSampling": 100,
    "PixelBandwidth": 244.141,
    "ProcedureStepDescription": "MRI Brain",
    "ProtocolName": "ADNI3 FMRIF Enhanced Pro",
    "ReconMatrixPE": 256,
    "RepetitionTime": 0.006952,
    "SAR": 0.119891,
    "ScanOptions": "EDR_GEMS\\PROMO_GEMS\\ACC_GEMS\\IR_GEMS",
    "ScanningSequence": "RM",
    "SequenceVariant": "NONE",
    "SeriesDescription": "ORIG Anat T1w MP-RAGE 1mm (ABCD)",
    "SeriesNumber": 40003,
    "SliceThickness": 1,
    "SoftwareVersions": "27\\LX\\MR Software release:DV26.0_R01_1725.a",
    "SpacingBetweenSlices": 1,
    "StationName": "fmrif3tb",
    "acq_id": "MPRAGE",
    "dataset": "ds004215",
    "modality": "T1w",
    "session_id": "01",
    "subject_id": "ON02693"
  },
  "cjv": 0.37686309700388143,
  "cnr": 3.546821010295821,
  "efc": 0.45771520884766115,
  "fber": 5108.813077847633,
  "fwhm_avg": 3.7725066666666667,
  "fwhm_x": 3.72585,
  "fwhm_y": 3.92234,
  "fwhm_z": 3.66933,
  "icvs_csf": 0.19272605376743945,
  "icvs_gm": 0.45023462278736437,
  "icvs_wm": 0.3570393234451962,
  "inu_med": 0.8618819117546082,
  "inu_range": 0.6191277921199798,
  "provenance": {
    "md5sum": "77f7a992015b253f254ee12c098520b0",
    "settings": {
      "testing": false
    },
    "software": "mriqc",
    "version": "22.0.6",
    "warnings": {
      "large_rot_frame": true,
      "small_air_mask": false
    },
    "webapi_port": null,
    "webapi_url": "https://mriqc.nimh.nih.gov/api/v1"
  },
  "qi_1": 0.0,
  "qi_2": 0.0014716075415288482,
  "rpve_csf": 28.707946723648536,
  "rpve_gm": 13.56059690671822,
  "rpve_wm": 19.672976165941474,
  "size_x": 208,
  "size_y": 256,
  "size_z": 256,
  "snr_csf": 1.1156745587591053,
  "snr_gm": 8.158229870558047,
  "snr_total": 8.959765235861228,
  "snr_wm": 17.605391278266534,
  "snrd_csf": 5.4809681442848355,
  "snrd_gm": 29.91424847387411,
  "snrd_total": 27.13119771126203,
  "snrd_wm": 45.998376515627136,
  "spacing_x": 1.0,
  "spacing_y": 1.0,
  "spacing_z": 1.0,
  "summary_bg_k": 1.9193777066269826,
  "summary_bg_mad": 14.242598085457963,
  "summary_bg_mean": 12.137192735484872,
  "summary_bg_median": 9.606486424803734,
  "summary_bg_n": 4310827.0,
  "summary_bg_p05": 0.0,
  "summary_bg_p95": 34.59216441959143,
  "summary_bg_stdv": 11.772000332606355,
  "summary_csf_k": 1.9668048536591805,
  "summary_csf_mad": 76.37429890779981,
  "summary_csf_mean": 149.63762121938095,
  "summary_csf_median": 119.15568482875824,
  "summary_csf_n": 23701.0,
  "summary_csf_p05": 33.31423732638359,
  "summary_csf_p95": 379.8528118431568,
  "summary_csf_stdv": 106.79921858917395,
  "summary_gm_k": 0.13043261252952254,
  "summary_gm_mad": 77.09296211394678,
  "summary_gm_mean": 649.1756361636841,
  "summary_gm_median": 650.3326910883188,
  "summary_gm_n": 44801.0,
  "summary_gm_p05": 514.6961534023285,
  "summary_gm_p95": 779.2711281478405,
  "summary_gm_stdv": 79.7140364209897,
  "summary_wm_k": 0.6226033527127974,
  "summary_wm_mad": 54.68373668590971,
  "summary_wm_mean": 1000.4167511794052,
  "summary_wm_median": 999.9999836608768,
  "summary_wm_n": 215938.0,
  "summary_wm_p05": 908.7824290767312,
  "summary_wm_p95": 1092.8920634016395,
  "summary_wm_stdv": 56.80065000391473,
  "tpm_overlap_csf": 0.15789877161730392,
  "tpm_overlap_gm": 0.45081027152268516,
  "tpm_overlap_wm": 0.4969486000770644,
  "wm2max": 0.5218550337859897
}