{
  "aor": 0.03669111111111111,
  "aqi": 0.001034987777777778,
  "bids_meta": {
    "AcquisitionMatrixPE": 64,
    "AcquisitionNumber": 1,
    "AcquisitionTime": "15:03:49.000000",
    "BodyPartExamined": "BRAIN",
    "CoilString": "32Ch Head",
    "ConversionSoftware": "dcm2niix",
    "ConversionSoftwareVersion": "v1.0.20211006",
    "Dcm2bidsVersion": "2.1.6",
    "DeviceSerialNumber": "000301496MR3T6MR",
    "EchoTime": 0.0169,
    "EffectiveEchoSpacing": 0.000416,
    "FlipAngle": 90,
    "ImageOrientationPatientDICOM": [
      1,
      0,
      0,
      0,
      1,
      0
    ],
    "ImageType": [
      "ORIGINAL",
      "PRIMARY",
      "OTHER"
    ],
    "ImagingFrequency": 127.697,
    "InPlanePhaseEncodingDirectionDICOM": "COL",
    "InstitutionName": "NIH FMRIF",
    "InternalPulseSequenceName": "EPI",
    "MRAcquisitionType": "2D",
    "MagneticFieldStrength": 3,
    "Manufacturer": "GE",
    "ManufacturersModelName": "DISCOVERY MR750",
    "Modality": "MR",
    "PatientPosition": "HFS",
    "PercentPhaseFOV": 100,
    "PercentSampling": 100,
    "PhaseEncodingDirection": "j-",
    "PhaseEncodingPolarityGE": "Unflipped",
    "PixelBandwidth": 7812.5,
    "ProcedureStepDescription": "MRI Brain",
    "ProtocolName": "ADNI3 FMRIF Enhanced Pro",
    "PulseSequenceName": "epi",
    "ReconMatrixPE": 64,
    "RepetitionTime": 3,
    "SAR": 0.207428,
    "ScanOptions": "MP_GEMS\\EPI_GEMS\\PFF",
    "ScanningSequence": "EP\\GR",
    "SequenceVariant": "SS",
    "SeriesDescription": "Axial rsfMRI reverse blip - RKV",
    "SeriesNumber": 11,
    "SliceThickness": 3.4,
    "SliceTiming": [
      0,
      1.5,
      0.0625,
      1.5625,
      0.125,
      1.625,
      0.1875,
      1.6875,
      0.25,
      1.75,
      0.3125,
      1.8125,
      0.375,
      1.875,
      0.4375,
      1.9375,
      0.5,
      2,
      0.5625,
      2.0625,
      0.625,
      2.125,
      0.6875,
      2.1875,
      0.75,
      2.25,
      0.8125,
      2.3125,
      0.875,
      2.375,
      0.9375,
      2.4375,
      1,
      2.5,
      1.0625,
      2.5625,
      1.125,
      2.625,
      1.1875,
      2.6875,
      1.25,
      2.75,
      1.3125,
      2.8125,
      1.375,
      2.875,
      1.4375,
      2.9375
    ],
    "SoftwareVersions": "27\\LX\\MR Software release:DV26.0_R03_1831.b",
    "SpacingBetweenSlices": 3.4,
    "StationName": "FMRI3tb",
    "TaskName": "Resting state with reverse blip.",
    "TotalReadoutTime": 0.026208,
    "TriggerDelayTime": 29938,
    "dataset": "ds004215",
    "modality": "bold",
    "session_id": "01",
    "subject_id": "ON54268",
    "task_id": "rest"
  },
  "dummy_trs": 1,
  "dvars_nstd": 11.742012738749999,
  "dvars_std": 1.3203811125,
  "dvars_vstd": 1.41044904375,
  "efc": 0.5303006860094166,
  "fber": 3589.73974609375,
  "fd_mean": 0.062180646083211666,
  "fd_num": 0,
  "fd_perc": 0.0,
  "fwhm_avg": 2.76739172290238,
  "fwhm_x": 2.510199272727273,
  "fwhm_y": 2.8007679999999997,
  "fwhm_z": 2.9912078959798674,
  "gcor": 0.00878412,
  "gsr_x": 0.0048261359333992004,
  "gsr_y": 0.08700855821371078,
  "provenance": {
    "md5sum": "7ec5e0230d72edcb53f327d1c43b8c19",
    "settings": {
      "fd_thres": 0.2,
      "testing": false
    },
    "software": "mriqc",
    "version": "22.0.6",
    "webapi_port": null,
    "webapi_url": "https://mriqc.nimh.nih.gov/api/v1"
  },
  "size_t": 9,
  "size_x": 64,
  "size_y": 64,
  "size_z": 48,
  "snr": 3.9849367996346956,
  "spacing_tr": 3.0,
  "spacing_x": 3.4375,
  "spacing_y": 3.4375,
  "spacing_z": 3.3999977111816406,
  "summary_bg_k": 9.71604183508704,
  "summary_bg_mad": 19.603294743423263,
  "summary_bg_mean": 218.88198852539062,
  "summary_bg_median": 43.0,
  "summary_bg_n": 122977.0,
  "summary_bg_p05": 24.22222328186035,
  "summary_bg_p95": 1122.3778076171868,
  "summary_bg_stdv": 396.5964660644531,
  "summary_fg_k": 0.3640098887562164,
  "summary_fg_mad": 604.8193584694482,
  "summary_fg_mean": 2639.840576171875,
  "summary_fg_median": 2573.22216796875,
  "summary_fg_n": 32804.0,
  "summary_fg_p05": 1671.0166625976562,
  "summary_fg_p95": 3807.8722534179688,
  "summary_fg_stdv": 645.7274169921875,
  "tsnr": 170.4904386624694
}