{
  "bids_meta": {
    "AcquisitionMatrixPE": 256,
    "AcquisitionNumber": 1,
    "AcquisitionTime": "15:13:30.000000",
    "BodyPartExamined": "BRAIN",
    "CoilString": "32Ch Head",
    "ConversionSoftware": "dcm2niix",
    "ConversionSoftwareVersion": "v1.0.20211006",
    "Dcm2bidsVersion": "2.1.6",
    "DeviceSerialNumber": "000301496MR3T6MR",
    "EchoTime": 0.065821,
    "EchoTrainLength": 140,
    "FlipAngle": 90,
    "ImageOrientationPatientDICOM": [
      0,
      1,
      0,
      0,
      0,
      -1
    ],
    "ImageType": [
      "ORIGINAL",
      "PRIMARY",
      "OTHER"
    ],
    "ImagingFrequency": 127.696,
    "InPlanePhaseEncodingDirectionDICOM": "ROW",
    "InstitutionName": "NIH FMRIF",
    "MRAcquisitionType": "3D",
    "MagneticFieldStrength": 3,
    "Manufacturer": "GE",
    "ManufacturersModelName": "DISCOVERY MR750",
    "Modality": "MR",
    "ParallelReductionFactorInPlane": 2,
    "ParallelReductionOutOfPlane": 1.5,
    "PatientPosition": "HFS",
    "PercentPhaseFOV": 100,
    "PercentSampling": 100,
    "PhaseEncodingAxis": "i",
    "PixelBandwidth": 244.141,
    "ProcedureStepDescription": "MRI Brain",
    "ProtocolName": "ADNI3 FMRIF Enhanced Pro",
    "ReconMatrixPE": 256,
    "RepetitionTime": 3.202,
    "SAR": 0.4395,
    "ScanOptions": "SAT_GEMS\\EDR_GEMS\\PROMO_GEMS\\FILTERED_GEMS\\ACC_GEMS\\FS\\FR_GEMS",
    "ScanningSequence": "RM",
    "SequenceVariant": "NONE",
    "SeriesDescription": "Anat T2w CUBE (ABCD)",
    "SeriesNumber": 4,
    "SliceThickness": 1,
    "SoftwareVersions": "27\\LX\\MR Software release:DV26.0_R03_1831.b",
    "SpacingBetweenSlices": 1,
    "StationName": "FMRI3tb",
    "acq_id": "CUBE",
    "dataset": "ds004215",
    "modality": "T2w",
    "rec_id": "SCIC",
    "session_id": "01",
    "subject_id": "ON11411"
  },
  "cjv": 0.45255465097440917,
  "cnr": 1.334710473477906,
  "efc": 0.40591982400461274,
  "fber": 7960.797436139127,
  "fwhm_avg": 2.2928,
  "fwhm_x": 1.89376,
  "fwhm_y": 2.58135,
  "fwhm_z": 2.40329,
  "icvs_csf": 0.24566929699191606,
  "icvs_gm": 0.23105319958088305,
  "icvs_wm": 0.5232775034272009,
  "inu_med": 0.7576373815536499,
  "inu_range": 0.1569152384996414,
  "provenance": {
    "md5sum": "ddbc28e19ead13e3efa8121ba93d4404",
    "settings": {
      "testing": false
    },
    "software": "mriqc",
    "version": "22.0.6",
    "warnings": {
      "large_rot_frame": true,
      "small_air_mask": false
    },
    "webapi_port": null,
    "webapi_url": "https://mriqc.nimh.nih.gov/api/v1"
  },
  "qi_1": 0.0,
  "qi_2": 0.02264140183996542,
  "rpve_csf": 24.421474341259227,
  "rpve_gm": 33.57133865721393,
  "rpve_wm": 14.657631178240518,
  "size_x": 204,
  "size_y": 256,
  "size_z": 256,
  "snr_csf": 11.512317163745141,
  "snr_gm": 2.130667623414783,
  "snr_total": 8.282596591123902,
  "snr_wm": 11.204804986211782,
  "snrd_csf": 60.92404234270506,
  "snrd_gm": 117.3515991991377,
  "snrd_total": 73.97672027135496,
  "snrd_wm": 43.654519272222124,
  "spacing_x": 1.0,
  "spacing_y": 1.0,
  "spacing_z": 1.0,
  "summary_bg_k": 4.136256371991019,
  "summary_bg_mad": 15.00805064357844,
  "summary_bg_mean": 7.606100280690951,
  "summary_bg_median": 10.122776329517365,
  "summary_bg_n": 3253169.0,
  "summary_bg_p05": 0.0,
  "summary_bg_p95": 22.80130311846733,
  "summary_bg_stdv": 8.323241953889616,
  "summary_csf_k": 0.632532151487327,
  "summary_csf_mad": 115.12363600111283,
  "summary_csf_mean": 1399.7587063683075,
  "summary_csf_median": 1395.66525824368,
  "summary_csf_n": 10890.0,
  "summary_csf_p05": 1205.7629765570164,
  "summary_csf_p95": 1603.2122406512499,
  "summary_csf_stdv": 121.22678317414348,
  "summary_gm_k": -1.5183064809957585,
  "summary_gm_mad": 673.467698310479,
  "summary_gm_mean": 1949.1322573735624,
  "summary_gm_median": 2688.323750421405,
  "summary_gm_n": 64486.0,
  "summary_gm_p05": 63.94387423992157,
  "summary_gm_p95": 3165.9108252450824,
  "summary_gm_stdv": 1261.718569594995,
  "summary_wm_k": -0.021145676938369107,
  "summary_wm_mad": 90.56838482436692,
  "summary_wm_mean": 1000.0875294514491,
  "summary_wm_median": 1000.0501209497452,
  "summary_wm_n": 193903.0,
  "summary_wm_p05": 854.0265667587519,
  "summary_wm_p95": 1146.1789119243622,
  "summary_wm_stdv": 89.25166867597494,
  "tpm_overlap_csf": 0.0947817018681966,
  "tpm_overlap_gm": 0.139346066228997,
  "tpm_overlap_wm": 0.44779401465224594,
  "wm2max": 0.315829455892128
}