{
  "bids_meta": {
    "AcquisitionMatrixPE": 256,
    "AcquisitionNumber": 1,
    "AcquisitionTime": "15:06:59.000000",
    "BodyPartExamined": "BRAIN",
    "CoilString": "32Ch Head",
    "ConversionSoftware": "dcm2niix",
    "ConversionSoftwareVersion": "v1.0.20211006",
    "Dcm2bidsVersion": "2.1.6",
    "DeviceSerialNumber": "000301496MR3T6MR",
    "EchoTime": 0.00292,
    "FlipAngle": 8,
    "ImageOrientationPatientDICOM": [
      0,
      1,
      0,
      0,
      0,
      -1
    ],
    "ImageType": [
      "ORIGINAL",
      "PRIMARY",
      "OTHER"
    ],
    "ImagingFrequency": 127.696,
    "InPlanePhaseEncodingDirectionDICOM": "ROW",
    "InstitutionName": "NIH FMRIF",
    "InversionTime": 1.06,
    "MRAcquisitionType": "3D",
    "MagneticFieldStrength": 3,
    "Manufacturer": "GE",
    "ManufacturersModelName": "DISCOVERY MR750",
    "Modality": "MR",
    "ParallelReductionFactorInPlane": 2,
    "ParallelReductionOutOfPlane": 2,
    "PatientPosition": "HFS",
    "PercentPhaseFOV": 100,
    "PercentSampling": 100,
    "PixelBandwidth": 244.141,
    "ProcedureStepDescription": "MRI Brain",
    "ProtocolName": "ADNI3 FMRIF Enhanced Pro",
    "ReconMatrixPE": 256,
    "RepetitionTime": 0.006952,
    "SAR": 0.0984545,
    "ScanOptions": "EDR_GEMS\\PROMO_GEMS\\FILTERED_GEMS\\ACC_GEMS\\IR_GEMS",
    "ScanningSequence": "RM",
    "SequenceVariant": "NONE",
    "SeriesDescription": "Anat T1w MP-RAGE 1mm (ABCD)",
    "SeriesNumber": 3,
    "SliceThickness": 1,
    "SoftwareVersions": "27\\LX\\MR Software release:DV26.0_R03_1831.b",
    "SpacingBetweenSlices": 1,
    "StationName": "FMRI3tb",
    "acq_id": "MPRAGE",
    "dataset": "ds004215",
    "modality": "T1w",
    "rec_id": "SCIC",
    "session_id": "01",
    "subject_id": "ON11411"
  },
  "cjv": 0.3747721652417854,
  "cnr": 3.6153285802461173,
  "efc": 0.6458110427303594,
  "fber": 21436.844257601,
  "fwhm_avg": 3.54736,
  "fwhm_x": 3.43643,
  "fwhm_y": 3.77646,
  "fwhm_z": 3.42919,
  "icvs_csf": 0.2529265015852418,
  "icvs_gm": 0.4094520338382171,
  "icvs_wm": 0.3376214645765411,
  "inu_med": 0.4381490647792816,
  "inu_range": 0.06101798415184018,
  "provenance": {
    "md5sum": "83266b5ebb0d1cfd3eaf990afa0b21d2",
    "settings": {
      "testing": false
    },
    "software": "mriqc",
    "version": "22.0.6",
    "warnings": {
      "large_rot_frame": true,
      "small_air_mask": false
    },
    "webapi_port": null,
    "webapi_url": "https://mriqc.nimh.nih.gov/api/v1"
  },
  "qi_1": 0.0,
  "qi_2": 0.0027510788511874826,
  "rpve_csf": 27.2073196437139,
  "rpve_gm": 16.481551630384974,
  "rpve_wm": 23.484982315332424,
  "size_x": 208,
  "size_y": 256,
  "size_z": 256,
  "snr_csf": 1.5322701430509131,
  "snr_gm": 8.73890191009948,
  "snr_total": 10.396063795836271,
  "snr_wm": 20.91701933435842,
  "snrd_csf": 18.622019651031636,
  "snrd_gm": 79.14069329516859,
  "snrd_total": 71.90571902363007,
  "snrd_wm": 117.95444412468999,
  "spacing_x": 1.0,
  "spacing_y": 1.0,
  "spacing_z": 1.0,
  "summary_bg_k": 6.937397114922408,
  "summary_bg_mad": 5.554268676910564,
  "summary_bg_mean": 6.092829777541613,
  "summary_bg_median": 3.7462972924113274,
  "summary_bg_n": 1008743.0,
  "summary_bg_p05": 0.0,
  "summary_bg_p95": 29.905035944655538,
  "summary_bg_stdv": 10.203965831683355,
  "summary_csf_k": 1.2893563763805949,
  "summary_csf_mad": 77.48527726887731,
  "summary_csf_mean": 186.37303231945504,
  "summary_csf_median": 157.87811583746225,
  "summary_csf_n": 52468.0,
  "summary_csf_p05": 67.95609042048454,
  "summary_csf_p95": 403.6559099779463,
  "summary_csf_stdv": 103.03444991612342,
  "summary_gm_k": -0.007423034116316174,
  "summary_gm_mad": 77.11391628175829,
  "summary_gm_mean": 669.7453828605406,
  "summary_gm_median": 670.9574889112264,
  "summary_gm_n": 27754.0,
  "summary_gm_p05": 542.2253482007421,
  "summary_gm_p95": 795.0067580061965,
  "summary_gm_stdv": 76.77685458915224,
  "summary_wm_k": 0.29310175361802404,
  "summary_wm_mad": 46.21022370150591,
  "summary_wm_mean": 999.547807975836,
  "summary_wm_median": 1000.0217882934958,
  "summary_wm_n": 177549.0,
  "summary_wm_p05": 920.3911900315434,
  "summary_wm_p95": 1077.1475947611034,
  "summary_wm_stdv": 47.80886588661967,
  "tpm_overlap_csf": 0.1436702100584682,
  "tpm_overlap_gm": 0.4471615375908806,
  "tpm_overlap_wm": 0.5004046452086408,
  "wm2max": 0.7697582402843443
}