{
  "bids_meta": {
    "AcquisitionMatrixPE": 256,
    "AcquisitionNumber": 1,
    "AcquisitionTime": "15:11:21.000000",
    "BodyPartExamined": "BRAIN",
    "CoilString": "32Ch Head",
    "ConversionSoftware": "dcm2niix",
    "ConversionSoftwareVersion": "v1.0.20211006",
    "Dcm2bidsVersion": "2.1.6",
    "DeviceSerialNumber": "000301496MR3T6MR",
    "EchoTime": 0.00292,
    "FlipAngle": 8,
    "ImageOrientationPatientDICOM": [
      0,
      1,
      0,
      0,
      0,
      -1
    ],
    "ImageType": [
      "ORIGINAL",
      "PRIMARY",
      "OTHER"
    ],
    "ImagingFrequency": 127.696,
    "InPlanePhaseEncodingDirectionDICOM": "ROW",
    "InstitutionName": "NIH FMRIF",
    "InversionTime": 1.06,
    "MRAcquisitionType": "3D",
    "MagneticFieldStrength": 3,
    "Manufacturer": "GE",
    "ManufacturersModelName": "DISCOVERY MR750",
    "Modality": "MR",
    "ParallelReductionFactorInPlane": 2,
    "ParallelReductionOutOfPlane": 2,
    "PatientPosition": "HFS",
    "PercentPhaseFOV": 100,
    "PercentSampling": 100,
    "PixelBandwidth": 244.141,
    "ProcedureStepDescription": "MRI Brain",
    "ProtocolName": "ADNI3 FMRIF Enhanced Pro",
    "ReconMatrixPE": 256,
    "RepetitionTime": 0.006952,
    "SAR": 0.104283,
    "ScanOptions": "EDR_GEMS\\PROMO_GEMS\\FILTERED_GEMS\\ACC_GEMS\\IR_GEMS",
    "ScanningSequence": "RM",
    "SequenceVariant": "NONE",
    "SeriesDescription": "Anat T1w MP-RAGE 1mm (ABCD)",
    "SeriesNumber": 3,
    "SliceThickness": 1,
    "SoftwareVersions": "27\\LX\\MR Software release:DV26.0_R03_1831.b",
    "SpacingBetweenSlices": 1,
    "StationName": "FMRI3tb",
    "acq_id": "MPRAGE",
    "dataset": "ds004215",
    "modality": "T1w",
    "rec_id": "SCIC",
    "session_id": "01",
    "subject_id": "ON85305"
  },
  "cjv": 0.34402166442653215,
  "cnr": 3.825460971829983,
  "efc": 0.651166130155059,
  "fber": 17131.746519918517,
  "fwhm_avg": 3.49837,
  "fwhm_x": 3.3846,
  "fwhm_y": 3.69088,
  "fwhm_z": 3.41963,
  "icvs_csf": 0.2539379014795196,
  "icvs_gm": 0.4125182848420099,
  "icvs_wm": 0.33354381367847047,
  "inu_med": 0.4480374753475189,
  "inu_range": 0.06839303970336913,
  "provenance": {
    "md5sum": "c4acad9ac5e5cf99584f242aa3ffdca2",
    "settings": {
      "testing": false
    },
    "software": "mriqc",
    "version": "22.0.6",
    "warnings": {
      "large_rot_frame": true,
      "small_air_mask": false
    },
    "webapi_port": null,
    "webapi_url": "https://mriqc.nimh.nih.gov/api/v1"
  },
  "qi_1": 0.0,
  "qi_2": 0.0023069190137638366,
  "rpve_csf": 25.487523678205893,
  "rpve_gm": 15.405627120425908,
  "rpve_wm": 22.35519909280009,
  "size_x": 208,
  "size_y": 256,
  "size_z": 256,
  "snr_csf": 1.7226069609602728,
  "snr_gm": 8.691950554193047,
  "snr_total": 10.364946925268178,
  "snr_wm": 20.680283260651212,
  "snrd_csf": 9.28713670850464,
  "snrd_gm": 36.46575289784439,
  "snrd_total": 33.81811676577657,
  "snrd_wm": 55.70146069098068,
  "spacing_x": 1.0,
  "spacing_y": 1.0,
  "spacing_z": 1.0,
  "summary_bg_k": 4.653899535351974,
  "summary_bg_mad": 0.0,
  "summary_bg_mean": 6.780411932591625,
  "summary_bg_median": 0.0,
  "summary_bg_n": 988331.0,
  "summary_bg_p05": 0.0,
  "summary_bg_p95": 33.59153411909938,
  "summary_bg_stdv": 11.761566247715328,
  "summary_csf_k": 1.810472340892976,
  "summary_csf_mad": 73.5293706510561,
  "summary_csf_mean": 190.7393140525842,
  "summary_csf_median": 166.73058259114623,
  "summary_csf_n": 55404.0,
  "summary_csf_p05": 77.28481459068135,
  "summary_csf_p95": 396.6191291228867,
  "summary_csf_stdv": 96.78881003209375,
  "summary_gm_k": 0.18305769032327968,
  "summary_gm_mad": 72.37336765886167,
  "summary_gm_mean": 654.3688742371758,
  "summary_gm_median": 654.6642324877903,
  "summary_gm_n": 27350.0,
  "summary_gm_p05": 529.0628277258016,
  "summary_gm_p95": 779.4194578134454,
  "summary_gm_stdv": 75.31707181595468,
  "summary_wm_k": 0.3759032544725951,
  "summary_wm_mad": 46.42962837502254,
  "summary_wm_mean": 998.7116858674489,
  "summary_wm_median": 1000.0000305455178,
  "summary_wm_n": 191432.0,
  "summary_wm_p05": 917.4016692526639,
  "summary_wm_p95": 1075.874972147867,
  "summary_wm_stdv": 48.35511226053774,
  "tpm_overlap_csf": 0.15167564154343177,
  "tpm_overlap_gm": 0.45139956004298865,
  "tpm_overlap_wm": 0.5126535708224198,
  "wm2max": 0.6466581805557852
}