{
  "aor": 0.0007429648241206031,
  "aqi": 0.0038204329648241207,
  "bids_meta": {
    "AcquisitionMatrixPE": 64,
    "AcquisitionNumber": 1,
    "AcquisitionTime": "16:10:11.000000",
    "BodyPartExamined": "BRAIN",
    "CoilString": "32Ch Head",
    "ConversionSoftware": "dcm2niix",
    "ConversionSoftwareVersion": "v1.0.20211006",
    "Dcm2bidsVersion": "2.1.6",
    "DeviceSerialNumber": "000301496MR3T6MR",
    "EchoTime": 0.0169,
    "EffectiveEchoSpacing": 0.000416,
    "FlipAngle": 90,
    "ImageOrientationPatientDICOM": [
      1,
      0,
      0,
      0,
      1,
      0
    ],
    "ImageType": [
      "ORIGINAL",
      "PRIMARY",
      "OTHER"
    ],
    "ImagingFrequency": 127.697,
    "InPlanePhaseEncodingDirectionDICOM": "COL",
    "InstitutionName": "NIH FMRIF",
    "InternalPulseSequenceName": "EPI",
    "MRAcquisitionType": "2D",
    "MagneticFieldStrength": 3,
    "Manufacturer": "GE",
    "ManufacturersModelName": "DISCOVERY MR750",
    "Modality": "MR",
    "PatientPosition": "HFS",
    "PercentPhaseFOV": 100,
    "PercentSampling": 100,
    "PhaseEncodingDirection": "j",
    "PhaseEncodingPolarityGE": "Flipped",
    "PixelBandwidth": 7812.5,
    "ProcedureStepDescription": "MRI Brain",
    "ProtocolName": "ADNI3 FMRIF Enhanced Pro",
    "PulseSequenceName": "epi",
    "ReconMatrixPE": 64,
    "RepetitionTime": 3,
    "SAR": 0.153526,
    "ScanOptions": "MP_GEMS\\EPI_GEMS\\PFF",
    "ScanningSequence": "EP\\GR",
    "SequenceVariant": "SS",
    "SeriesDescription": "Axial rsfMRI with Eyes Open - RKV",
    "SeriesNumber": 10,
    "SliceThickness": 3.4,
    "SliceTiming": [
      0,
      1.5,
      0.0625,
      1.5625,
      0.125,
      1.625,
      0.1875,
      1.6875,
      0.25,
      1.75,
      0.3125,
      1.8125,
      0.375,
      1.875,
      0.4375,
      1.9375,
      0.5,
      2,
      0.5625,
      2.0625,
      0.625,
      2.125,
      0.6875,
      2.1875,
      0.75,
      2.25,
      0.8125,
      2.3125,
      0.875,
      2.375,
      0.9375,
      2.4375,
      1,
      2.5,
      1.0625,
      2.5625,
      1.125,
      2.625,
      1.1875,
      2.6875,
      1.25,
      2.75,
      1.3125,
      2.8125,
      1.375,
      2.875,
      1.4375,
      2.9375
    ],
    "SoftwareVersions": "27\\LX\\MR Software release:DV26.0_R03_1831.b",
    "SpacingBetweenSlices": 3.4,
    "StationName": "FMRI3tb",
    "TaskName": "Resting state with eyes open.",
    "TotalReadoutTime": 0.026208,
    "TriggerDelayTime": 599938,
    "dataset": "ds004215",
    "modality": "bold",
    "session_id": "01",
    "subject_id": "ON13545",
    "task_id": "rest"
  },
  "dummy_trs": 1,
  "dvars_nstd": 15.801517269999998,
  "dvars_std": 1.1781451517676766,
  "dvars_vstd": 0.9379090569696975,
  "efc": 0.4529709315958467,
  "fber": 5610.12890625,
  "fd_mean": 0.1136683822307662,
  "fd_num": 23,
  "fd_perc": 11.557788944723619,
  "fwhm_avg": 2.703114352843483,
  "fwhm_x": 2.7112000000000003,
  "fwhm_y": 2.5229381818181817,
  "fwhm_z": 2.8752048767122678,
  "gcor": 0.0918975,
  "gsr_x": -0.005370583385229111,
  "gsr_y": 0.036095380783081055,
  "provenance": {
    "md5sum": "fd3cd7179e08296d4ae1087bdcd236bf",
    "settings": {
      "fd_thres": 0.2,
      "testing": false
    },
    "software": "mriqc",
    "version": "22.0.6",
    "webapi_port": null,
    "webapi_url": "https://mriqc.nimh.nih.gov/api/v1"
  },
  "size_t": 199,
  "size_x": 64,
  "size_y": 64,
  "size_z": 48,
  "snr": 4.006819974106012,
  "spacing_tr": 3.0,
  "spacing_x": 3.4375,
  "spacing_y": 3.4375,
  "spacing_z": 3.3999977111816406,
  "summary_bg_k": 32.108658657715026,
  "summary_bg_mad": 9.17872244400192,
  "summary_bg_mean": 114.89987182617188,
  "summary_bg_median": 33.100502014160156,
  "summary_bg_n": 133338.0,
  "summary_bg_p05": 22.57788848876953,
  "summary_bg_p95": 574.1884429931638,
  "summary_bg_stdv": 233.96995544433594,
  "summary_fg_k": 1.1470879335471569,
  "summary_fg_mad": 548.7901338825272,
  "summary_fg_mean": 2563.9990234375,
  "summary_fg_median": 2469.4775390625,
  "summary_fg_n": 26802.0,
  "summary_fg_p05": 1719.327410888672,
  "summary_fg_p95": 3704.4233886718735,
  "summary_fg_stdv": 616.3070678710938,
  "tsnr": 85.96997745148838
}