{
  "bids_meta": {
    "AcquisitionMatrixPE": 256,
    "AcquisitionNumber": 1,
    "AcquisitionTime": "15:33:39.000000",
    "BodyPartExamined": "BRAIN",
    "CoilString": "32Ch Head",
    "ConversionSoftware": "dcm2niix",
    "ConversionSoftwareVersion": "v1.0.20211006",
    "Dcm2bidsVersion": "2.1.6",
    "DeviceSerialNumber": "000301496MR3T6MR",
    "EchoTime": 0.003036,
    "FlipAngle": 11,
    "ImageOrientationPatientDICOM": [
      0,
      1,
      0,
      0,
      0,
      -1
    ],
    "ImageType": [
      "ORIGINAL",
      "PRIMARY",
      "OTHER"
    ],
    "ImagingFrequency": 127.697,
    "InPlanePhaseEncodingDirectionDICOM": "ROW",
    "InstitutionName": "NIH FMRIF",
    "InversionTime": 0.4,
    "MRAcquisitionType": "3D",
    "MagneticFieldStrength": 3,
    "Manufacturer": "GE",
    "ManufacturersModelName": "DISCOVERY MR750",
    "Modality": "MR",
    "ParallelReductionFactorInPlane": 1.72974,
    "PatientPosition": "HFS",
    "PercentPhaseFOV": 100,
    "PercentSampling": 100,
    "PixelBandwidth": 244.141,
    "ProcedureStepDescription": "MRI Brain",
    "ProtocolName": "FMRIF - Clinical 32Ch Br",
    "ReconMatrixPE": 256,
    "RepetitionTime": 0.007348,
    "SAR": 0.199798,
    "ScanOptions": "FAST_GEMS\\EDR_GEMS\\FILTERED_GEMS\\ACC_GEMS\\IR_GEMS",
    "ScanningSequence": "GR",
    "SequenceVariant": "SS\\SP\\SK",
    "SeriesDescription": "Accelerated Sagittal IR-FSPGR",
    "SeriesNumber": 6,
    "SliceThickness": 1.2,
    "SoftwareVersions": "27\\LX\\MR Software release:DV26.0_R01_1725.a",
    "SpacingBetweenSlices": 1.2,
    "SpoilingState": true,
    "StationName": "fmrif3tb",
    "acq_id": "FSPGR",
    "dataset": "ds004215",
    "modality": "T1w",
    "rec_id": "SCIC",
    "session_id": "01",
    "subject_id": "ON05258"
  },
  "cjv": 0.31830195300745034,
  "cnr": 3.966121515672465,
  "efc": 0.5289606241187796,
  "fber": -1.0,
  "fwhm_avg": 3.4057136634702396,
  "fwhm_x": 3.2085794269075003,
  "fwhm_y": 3.6426281768890867,
  "fwhm_z": 3.365933386614132,
  "icvs_csf": 0.2464989343425037,
  "icvs_gm": 0.4267718915423518,
  "icvs_wm": 0.3267291741151445,
  "inu_med": 0.48247964680194855,
  "inu_range": 0.0664316430687904,
  "provenance": {
    "md5sum": "f221c756b3753c9406e5f96b6233620d",
    "settings": {
      "testing": false
    },
    "software": "mriqc",
    "version": "22.0.6",
    "warnings": {
      "large_rot_frame": true,
      "small_air_mask": false
    },
    "webapi_port": null,
    "webapi_url": "https://mriqc.nimh.nih.gov/api/v1"
  },
  "qi_1": 0.0011498197093764962,
  "qi_2": 0.0022599508735276093,
  "rpve_csf": 35.17427530849934,
  "rpve_gm": 20.365001678844955,
  "rpve_wm": 30.953657444929657,
  "size_x": 196,
  "size_y": 256,
  "size_z": 256,
  "snr_csf": 1.9457477670189027,
  "snr_gm": 9.435794276192789,
  "snr_total": 12.005719262842428,
  "snr_wm": 24.63561574531559,
  "snrd_csf": 4.86102329871636,
  "snrd_gm": 15.588624611787914,
  "snrd_total": 14.68177258682988,
  "snrd_wm": 23.59566984998536,
  "spacing_x": 1.2000045776367188,
  "spacing_y": 1.0547000169754028,
  "spacing_z": 1.0547000169754028,
  "summary_bg_k": 145.24850185513642,
  "summary_bg_mad": 0.0,
  "summary_bg_mean": 11.114230236447568,
  "summary_bg_median": 0.0,
  "summary_bg_n": 1199224.0,
  "summary_bg_p05": 0.0,
  "summary_bg_p95": 47.20092372596264,
  "summary_bg_stdv": 27.766299703589148,
  "summary_csf_k": 4.742014164617455,
  "summary_csf_mad": 98.04847540256843,
  "summary_csf_mean": 212.41967072512722,
  "summary_csf_median": 206.02218069136143,
  "summary_csf_n": 23934.0,
  "summary_csf_p05": 54.31104472279549,
  "summary_csf_p95": 405.80587268881493,
  "summary_csf_stdv": 105.88108087482402,
  "summary_gm_k": 0.16403901288819656,
  "summary_gm_mad": 68.45612466578288,
  "summary_gm_mean": 660.2992228836255,
  "summary_gm_median": 660.6844360008836,
  "summary_gm_n": 26909.0,
  "summary_gm_p05": 544.7980301633477,
  "summary_gm_p95": 775.088852763176,
  "summary_gm_stdv": 70.01765196187083,
  "summary_wm_k": 0.3327068529160848,
  "summary_wm_mad": 39.56230581334205,
  "summary_wm_mean": 999.8476001015656,
  "summary_wm_median": 1000.0428014099598,
  "summary_wm_n": 120596.0,
  "summary_wm_p05": 932.9678045362234,
  "summary_wm_p95": 1066.0898289829493,
  "summary_wm_stdv": 40.59320722842355,
  "tpm_overlap_csf": 0.15570388252089948,
  "tpm_overlap_gm": 0.4727470937961475,
  "tpm_overlap_wm": 0.5038270189041222,
  "wm2max": 0.396602683879735
}