{
  "aor": 0.03686888888888888,
  "aqi": 0.001276095777777778,
  "bids_meta": {
    "AcquisitionMatrixPE": 64,
    "AcquisitionNumber": 1,
    "AcquisitionTime": "12:21:30.000000",
    "BodyPartExamined": "BRAIN",
    "CoilString": "32Ch Head",
    "ConversionSoftware": "dcm2niix",
    "ConversionSoftwareVersion": "v1.0.20211006",
    "Dcm2bidsVersion": "2.1.6",
    "DeviceSerialNumber": "000301496mr3T5mr",
    "EchoTime": 0.0169,
    "EffectiveEchoSpacing": 0.000416,
    "FlipAngle": 90,
    "ImageOrientationPatientDICOM": [
      1,
      0,
      0,
      0,
      1,
      0
    ],
    "ImageType": [
      "ORIGINAL",
      "PRIMARY",
      "OTHER"
    ],
    "ImagingFrequency": 127.824,
    "InPlanePhaseEncodingDirectionDICOM": "COL",
    "InstitutionName": "NIH FMRIF",
    "InternalPulseSequenceName": "EPI",
    "MRAcquisitionType": "2D",
    "MagneticFieldStrength": 3,
    "Manufacturer": "GE",
    "ManufacturersModelName": "DISCOVERY MR750",
    "Modality": "MR",
    "PatientPosition": "HFS",
    "PercentPhaseFOV": 100,
    "PercentSampling": 100,
    "PhaseEncodingDirection": "j",
    "PhaseEncodingPolarityGE": "Flipped",
    "PixelBandwidth": 7812.5,
    "ProcedureStepDescription": "MRI Brain",
    "ProtocolName": "ADNI3 FMRIF Enhanced Pro",
    "PulseSequenceName": "epi",
    "ReconMatrixPE": 64,
    "RepetitionTime": 3,
    "SAR": 0.14881,
    "ScanOptions": "MP_GEMS\\EPI_GEMS\\PFF",
    "ScanningSequence": "EP\\GR",
    "SequenceVariant": "SS",
    "SeriesDescription": "Axial rsfMRI reverse blip - RKV",
    "SeriesNumber": 11,
    "SliceThickness": 3.4,
    "SliceTiming": [
      0,
      1.5,
      0.0625,
      1.5625,
      0.125,
      1.625,
      0.1875,
      1.6875,
      0.25,
      1.75,
      0.3125,
      1.8125,
      0.375,
      1.875,
      0.4375,
      1.9375,
      0.5,
      2,
      0.5625,
      2.0625,
      0.625,
      2.125,
      0.6875,
      2.1875,
      0.75,
      2.25,
      0.8125,
      2.3125,
      0.875,
      2.375,
      0.9375,
      2.4375,
      1,
      2.5,
      1.0625,
      2.5625,
      1.125,
      2.625,
      1.1875,
      2.6875,
      1.25,
      2.75,
      1.3125,
      2.8125,
      1.375,
      2.875,
      1.4375,
      2.9375
    ],
    "SoftwareVersions": "27\\LX\\MR Software release:DV26.0_R03_1831.b",
    "SpacingBetweenSlices": 3.4,
    "StationName": "FMRI3ta",
    "TaskName": "Resting state with reverse blip.",
    "TotalReadoutTime": 0.026208,
    "TriggerDelayTime": 29938,
    "dataset": "ds004215",
    "modality": "bold",
    "session_id": "01",
    "subject_id": "ON85616",
    "task_id": "rest"
  },
  "dummy_trs": 1,
  "dvars_nstd": 11.067880152499999,
  "dvars_std": 1.51621983875,
  "dvars_vstd": 1.3982175300000002,
  "efc": 0.44677690085590205,
  "fber": 5005.5625,
  "fd_mean": 0.052631684561332236,
  "fd_num": 0,
  "fd_perc": 0.0,
  "fwhm_avg": 2.6891816667826034,
  "fwhm_x": 2.5641803636363636,
  "fwhm_y": 2.489483636363637,
  "fwhm_z": 3.0138810003478103,
  "gcor": 0.019367,
  "gsr_x": 0.00038089242298156023,
  "gsr_y": 0.02904294617474079,
  "provenance": {
    "md5sum": "11bea2af6c45ef24c3dfa073a41545f2",
    "settings": {
      "fd_thres": 0.2,
      "testing": false
    },
    "software": "mriqc",
    "version": "22.0.6",
    "webapi_port": null,
    "webapi_url": "https://mriqc.nimh.nih.gov/api/v1"
  },
  "size_t": 9,
  "size_x": 64,
  "size_y": 64,
  "size_z": 48,
  "snr": 4.428546319685732,
  "spacing_tr": 3.0,
  "spacing_x": 3.4375,
  "spacing_y": 3.4375,
  "spacing_z": 3.4000015258789062,
  "summary_bg_k": 49.74455584465137,
  "summary_bg_mad": 8.566147408183173,
  "summary_bg_mean": 103.5208969116211,
  "summary_bg_median": 31.77777862548828,
  "summary_bg_n": 135273.0,
  "summary_bg_p05": 23.77777862548828,
  "summary_bg_p95": 500.82221679687433,
  "summary_bg_stdv": 212.76368713378906,
  "summary_fg_k": 2.1033778025673664,
  "summary_fg_mad": 419.82346787959756,
  "summary_fg_mean": 2323.9384765625,
  "summary_fg_median": 2256.16650390625,
  "summary_fg_n": 24986.0,
  "summary_fg_p05": 1602.0,
  "summary_fg_p95": 3242.5278930664062,
  "summary_fg_stdv": 509.44964599609375,
  "tsnr": 241.59211979061365
}