{
  "bids_meta": {
    "AcquisitionMatrixPE": 256,
    "AcquisitionNumber": 1,
    "AcquisitionTime": "15:17:51.000000",
    "BodyPartExamined": "BRAIN",
    "CoilString": "32Ch Head",
    "ConversionSoftware": "dcm2niix",
    "ConversionSoftwareVersion": "v1.0.20211006",
    "Dcm2bidsVersion": "2.1.6",
    "DeviceSerialNumber": "000301496MR3T6MR",
    "EchoTime": 0.003036,
    "FlipAngle": 11,
    "ImageOrientationPatientDICOM": [
      0,
      1,
      0,
      0,
      0,
      -1
    ],
    "ImageType": [
      "ORIGINAL",
      "PRIMARY",
      "OTHER"
    ],
    "ImagingFrequency": 127.697,
    "InPlanePhaseEncodingDirectionDICOM": "ROW",
    "InstitutionName": "NIH FMRIF",
    "InversionTime": 0.4,
    "MRAcquisitionType": "3D",
    "MagneticFieldStrength": 3,
    "Manufacturer": "GE",
    "ManufacturersModelName": "DISCOVERY MR750",
    "Modality": "MR",
    "ParallelReductionFactorInPlane": 1.72974,
    "PatientPosition": "HFS",
    "PercentPhaseFOV": 100,
    "PercentSampling": 100,
    "PixelBandwidth": 244.141,
    "ProcedureStepDescription": "MRI Brain",
    "ProtocolName": "ADNI3 FMRIF Enhanced Pro",
    "ReconMatrixPE": 256,
    "RepetitionTime": 0.007348,
    "SAR": 0.17189,
    "ScanOptions": "FAST_GEMS\\EDR_GEMS\\FILTERED_GEMS\\ACC_GEMS\\IR_GEMS",
    "ScanningSequence": "GR",
    "SequenceVariant": "SS\\SP\\SK",
    "SeriesDescription": "Accelerated Sagittal IR-FSPGR",
    "SeriesNumber": 3,
    "SliceThickness": 1.2,
    "SoftwareVersions": "27\\LX\\MR Software release:DV26.0_R01_1725.a",
    "SpacingBetweenSlices": 1.2,
    "SpoilingState": true,
    "StationName": "fmrif3tb",
    "acq_id": "FSPGR",
    "dataset": "ds004215",
    "modality": "T1w",
    "rec_id": "SCIC",
    "session_id": "01",
    "subject_id": "ON43001"
  },
  "cjv": 0.3009633813838342,
  "cnr": 4.420369153674189,
  "efc": 0.5453401337976309,
  "fber": -1.0,
  "fwhm_avg": 3.6000275947349567,
  "fwhm_x": 3.3429955808172322,
  "fwhm_y": 3.91217401497039,
  "fwhm_z": 3.5449131884172473,
  "icvs_csf": 0.2454221087478069,
  "icvs_gm": 0.4445801744975953,
  "icvs_wm": 0.3099977167545978,
  "inu_med": 0.5330269634723663,
  "inu_range": 0.11521031707525253,
  "provenance": {
    "md5sum": "2d38643bb1a739e5d85d5b4d29f98685",
    "settings": {
      "testing": false
    },
    "software": "mriqc",
    "version": "22.0.6",
    "warnings": {
      "large_rot_frame": true,
      "small_air_mask": false
    },
    "webapi_port": null,
    "webapi_url": "https://mriqc.nimh.nih.gov/api/v1"
  },
  "qi_1": 0.00013602863291223923,
  "qi_2": 0.005282115908604239,
  "rpve_csf": 31.03808767378822,
  "rpve_gm": 17.6116130568333,
  "rpve_wm": 28.73743629385275,
  "size_x": 196,
  "size_y": 256,
  "size_z": 256,
  "snr_csf": 2.033037278052335,
  "snr_gm": 10.090340130319948,
  "snr_total": 12.07421009049014,
  "snr_wm": 24.099252863098137,
  "snrd_csf": 17.572314242295437,
  "snrd_gm": 55.341225228477846,
  "snrd_total": 52.38285327847277,
  "snrd_wm": 84.23502036464504,
  "spacing_x": 1.2000045776367188,
  "spacing_y": 1.0547000169754028,
  "spacing_z": 1.0547000169754028,
  "summary_bg_k": 14.808916791180309,
  "summary_bg_mad": 0.0,
  "summary_bg_mean": 4.340763594387668,
  "summary_bg_median": 0.0,
  "summary_bg_n": 1097072.0,
  "summary_bg_p05": 0.0,
  "summary_bg_p95": 20.487908899784088,
  "summary_bg_stdv": 7.7774829140342545,
  "summary_csf_k": 1.9212864486682522,
  "summary_csf_mad": 83.66288136999823,
  "summary_csf_mean": 222.03681112526323,
  "summary_csf_median": 208.61056381464005,
  "summary_csf_n": 30111.0,
  "summary_csf_p05": 80.86035522818565,
  "summary_csf_p95": 422.3431048542261,
  "summary_csf_stdv": 102.60859552948857,
  "summary_gm_k": 0.1489848911399796,
  "summary_gm_mad": 63.934516330784675,
  "summary_gm_mean": 655.2546850897828,
  "summary_gm_median": 656.985985904932,
  "summary_gm_n": 28173.0,
  "summary_gm_p05": 543.9152584373951,
  "summary_gm_p95": 758.6862759590149,
  "summary_gm_stdv": 65.10923491825358,
  "summary_wm_k": 0.5539641720998203,
  "summary_wm_mad": 39.30015575271907,
  "summary_wm_mean": 999.2615641218872,
  "summary_wm_median": 1000.0000483095646,
  "summary_wm_n": 130069.0,
  "summary_wm_p05": 929.6089441239834,
  "summary_wm_p95": 1065.864099085331,
  "summary_wm_stdv": 41.49490483664415,
  "tpm_overlap_csf": 0.15623106236388468,
  "tpm_overlap_gm": 0.4737856847917427,
  "tpm_overlap_wm": 0.5062426682680766,
  "wm2max": 0.47479943935658014
}