{
  "bids_meta": {
    "AcquisitionMatrixPE": 256,
    "AcquisitionNumber": 1,
    "AcquisitionTime": "15:23:47.000000",
    "BodyPartExamined": "BRAIN",
    "CoilString": "32Ch Head",
    "ConversionSoftware": "dcm2niix",
    "ConversionSoftwareVersion": "v1.0.20211006",
    "Dcm2bidsVersion": "2.1.6",
    "DeviceSerialNumber": "000301496MR3T6MR",
    "EchoTime": 0.066158,
    "EchoTrainLength": 140,
    "FlipAngle": 90,
    "ImageOrientationPatientDICOM": [
      0,
      1,
      0,
      0,
      0,
      -1
    ],
    "ImageType": [
      "ORIGINAL",
      "PRIMARY",
      "OTHER"
    ],
    "ImagingFrequency": 127.697,
    "InPlanePhaseEncodingDirectionDICOM": "ROW",
    "InstitutionName": "NIH FMRIF",
    "MRAcquisitionType": "3D",
    "MagneticFieldStrength": 3,
    "Manufacturer": "GE",
    "ManufacturersModelName": "DISCOVERY MR750",
    "Modality": "MR",
    "ParallelReductionFactorInPlane": 2,
    "ParallelReductionOutOfPlane": 1.5,
    "PatientPosition": "HFS",
    "PercentPhaseFOV": 100,
    "PercentSampling": 100,
    "PhaseEncodingAxis": "i",
    "PixelBandwidth": 244.141,
    "ProcedureStepDescription": "MRI Brain",
    "ProtocolName": "ADNI3 FMRIF Enhanced Pro",
    "ReconMatrixPE": 256,
    "RepetitionTime": 3.202,
    "SAR": 0.4351,
    "ScanOptions": "SAT_GEMS\\EDR_GEMS\\PROMO_GEMS\\ACC_GEMS\\FS\\FR_GEMS",
    "ScanningSequence": "RM",
    "SequenceVariant": "NONE",
    "SeriesDescription": "Sag_CUBE_T2",
    "SeriesNumber": 4,
    "SliceThickness": 1,
    "SoftwareVersions": "27\\LX\\MR Software release:DV26.0_R01_1725.a",
    "SpacingBetweenSlices": 1,
    "StationName": "fmrif3tb",
    "acq_id": "CUBE",
    "dataset": "ds004215",
    "modality": "T2w",
    "session_id": "01",
    "subject_id": "ON43001"
  },
  "cjv": 0.7885955886244851,
  "cnr": 1.2244506557442345,
  "efc": 0.38125266811722297,
  "fber": 7110.650868611907,
  "fwhm_avg": 2.49676,
  "fwhm_x": 2.15286,
  "fwhm_y": 2.71725,
  "fwhm_z": 2.62017,
  "icvs_csf": 0.16632734882267475,
  "icvs_gm": 0.6047934415725612,
  "icvs_wm": 0.22887920960476402,
  "inu_med": 0.9139724373817444,
  "inu_range": 0.5218177080154419,
  "provenance": {
    "md5sum": "9f09318782f059106b3b8da9c9ad0c42",
    "settings": {
      "testing": false
    },
    "software": "mriqc",
    "version": "22.0.6",
    "warnings": {
      "large_rot_frame": true,
      "small_air_mask": false
    },
    "webapi_port": null,
    "webapi_url": "https://mriqc.nimh.nih.gov/api/v1"
  },
  "qi_1": 0.0,
  "qi_2": 0.022087278350043225,
  "rpve_csf": 29.10112946256187,
  "rpve_gm": 11.841199794772418,
  "rpve_wm": 30.098264734631037,
  "size_x": 204,
  "size_y": 256,
  "size_z": 256,
  "snr_csf": 8.372560670569543,
  "snr_gm": 9.660270239585067,
  "snr_total": 6.668531265861236,
  "snr_wm": 1.972762887429097,
  "snrd_csf": 78.23665854670949,
  "snrd_gm": 52.324027680386436,
  "snrd_total": 89.72760735821532,
  "snrd_wm": 138.62213584755006,
  "spacing_x": 1.0,
  "spacing_y": 1.0,
  "spacing_z": 1.0,
  "summary_bg_k": 2.590395001113057,
  "summary_bg_mad": 0.0,
  "summary_bg_mean": 3.726328482953452,
  "summary_bg_median": 0.0,
  "summary_bg_n": 4445832.0,
  "summary_bg_p05": 0.0,
  "summary_bg_p95": 12.719310477375984,
  "summary_bg_stdv": 4.7263227017768035,
  "summary_csf_k": 0.24847928243457806,
  "summary_csf_mad": 64.26498137222852,
  "summary_csf_mean": 574.1958161784802,
  "summary_csf_median": 564.4194024335593,
  "summary_csf_n": 5267.0,
  "summary_csf_p05": 477.76352116148917,
  "summary_csf_p95": 697.0349500950426,
  "summary_csf_stdv": 67.40659654394598,
  "summary_gm_k": 0.004073667657896074,
  "summary_gm_mad": 39.90714737722042,
  "summary_gm_mean": 379.7229641545675,
  "summary_gm_median": 377.47901028580964,
  "summary_gm_n": 325275.0,
  "summary_gm_p05": 319.65635541826487,
  "summary_gm_p95": 446.48684827052057,
  "summary_gm_stdv": 39.07534889578987,
  "summary_wm_k": -1.3800430905985683,
  "summary_wm_mad": 451.0541517547597,
  "summary_wm_mean": 787.8862421958859,
  "summary_wm_median": 1000.0557862836868,
  "summary_wm_n": 75256.0,
  "summary_wm_p05": 31.296198148280382,
  "summary_wm_p95": 1446.403168430552,
  "summary_wm_stdv": 506.92820119183955,
  "tpm_overlap_csf": 0.10366584658421953,
  "tpm_overlap_gm": 0.3774575109802947,
  "tpm_overlap_wm": 0.047470842162771615,
  "wm2max": 0.6813914925384226
}