{
  "bids_meta": {
    "AcquisitionMatrixPE": 256,
    "AcquisitionNumber": 1,
    "AcquisitionTime": "11:59:59.000000",
    "BodyPartExamined": "BRAIN",
    "CoilString": "32Ch Head",
    "ConversionSoftware": "dcm2niix",
    "ConversionSoftwareVersion": "v1.0.20211006",
    "Dcm2bidsVersion": "2.1.6",
    "DeviceSerialNumber": "000301496MR3T6MR",
    "EchoTime": 0.00292,
    "FlipAngle": 8,
    "ImageOrientationPatientDICOM": [
      0,
      1,
      0,
      0,
      0,
      -1
    ],
    "ImageType": [
      "ORIGINAL",
      "PRIMARY",
      "OTHER"
    ],
    "ImagingFrequency": 127.697,
    "InPlanePhaseEncodingDirectionDICOM": "ROW",
    "InstitutionName": "NIH FMRIF",
    "InversionTime": 1.06,
    "MRAcquisitionType": "3D",
    "MagneticFieldStrength": 3,
    "Manufacturer": "GE",
    "ManufacturersModelName": "DISCOVERY MR750",
    "Modality": "MR",
    "ParallelReductionFactorInPlane": 2,
    "ParallelReductionOutOfPlane": 2,
    "PatientPosition": "HFS",
    "PercentPhaseFOV": 100,
    "PercentSampling": 100,
    "PixelBandwidth": 244.141,
    "ProcedureStepDescription": "MRI Brain",
    "ProtocolName": "ADNI3 FMRIF Enhanced Pro",
    "ReconMatrixPE": 256,
    "RepetitionTime": 0.006952,
    "SAR": 0.0942594,
    "ScanOptions": "EDR_GEMS\\PROMO_GEMS\\ACC_GEMS\\IR_GEMS",
    "ScanningSequence": "RM",
    "SequenceVariant": "NONE",
    "SeriesDescription": "ORIG Anat T1w MP-RAGE 1mm (ABCD)",
    "SeriesNumber": 40003,
    "SliceThickness": 1,
    "SoftwareVersions": "27\\LX\\MR Software release:DV26.0_R03_1831.b",
    "SpacingBetweenSlices": 1,
    "StationName": "FMRI3tb",
    "acq_id": "MPRAGE",
    "dataset": "ds004215",
    "modality": "T1w",
    "session_id": "01",
    "subject_id": "ON11394"
  },
  "cjv": 0.36777247057158896,
  "cnr": 3.5792577302061526,
  "efc": 0.406745080553095,
  "fber": 8261.853185595568,
  "fwhm_avg": 3.6024933333333333,
  "fwhm_x": 3.6068,
  "fwhm_y": 3.74272,
  "fwhm_z": 3.45796,
  "icvs_csf": 0.2539092060908281,
  "icvs_gm": 0.40433568727615027,
  "icvs_wm": 0.3417551066330216,
  "inu_med": 0.8744622766971588,
  "inu_range": 0.47049407064914717,
  "provenance": {
    "md5sum": "07a8fc284e7f46c778eb8f39d81ea6c6",
    "settings": {
      "testing": false
    },
    "software": "mriqc",
    "version": "22.0.6",
    "warnings": {
      "large_rot_frame": true,
      "small_air_mask": false
    },
    "webapi_port": null,
    "webapi_url": "https://mriqc.nimh.nih.gov/api/v1"
  },
  "qi_1": 0.0,
  "qi_2": 0.0020326697238433064,
  "rpve_csf": 27.259429323067828,
  "rpve_gm": 16.587434305119434,
  "rpve_wm": 23.219309643522966,
  "size_x": 208,
  "size_y": 256,
  "size_z": 256,
  "snr_csf": 1.153856297210452,
  "snr_gm": 8.051500726489387,
  "snr_total": 9.292373401186364,
  "snr_wm": 18.67176317985925,
  "snrd_csf": 7.42167774481931,
  "snrd_gm": 43.37042932128784,
  "snrd_total": 39.142839860286045,
  "snrd_wm": 66.636412514751,
  "spacing_x": 1.0,
  "spacing_y": 1.0,
  "spacing_z": 1.0,
  "summary_bg_k": 1.7540011815154495,
  "summary_bg_mad": 9.831867750366818,
  "summary_bg_mean": 10.91967216282126,
  "summary_bg_median": 6.631494022905827,
  "summary_bg_n": 5020039.0,
  "summary_bg_p05": 0.0,
  "summary_bg_p95": 31.545394219458103,
  "summary_bg_stdv": 10.641198994044897,
  "summary_csf_k": 4.530524630932119,
  "summary_csf_mad": 65.78117041820009,
  "summary_csf_mean": 138.4304471730255,
  "summary_csf_median": 111.37978911399841,
  "summary_csf_n": 38878.0,
  "summary_csf_p05": 34.40316512435675,
  "summary_csf_p95": 347.98856480419636,
  "summary_csf_stdv": 96.52706055954675,
  "summary_gm_k": 0.25074171032542125,
  "summary_gm_mad": 77.89446604434264,
  "summary_gm_mean": 649.7220437834576,
  "summary_gm_median": 650.8756426349282,
  "summary_gm_n": 13933.0,
  "summary_gm_p05": 515.3440255656839,
  "summary_gm_p95": 782.1425861999393,
  "summary_gm_stdv": 80.83614558144296,
  "summary_wm_k": 1.0060011439812628,
  "summary_wm_mad": 50.517331535033925,
  "summary_wm_mean": 1000.7526076300792,
  "summary_wm_median": 1000.0366262719035,
  "summary_wm_n": 166411.0,
  "summary_wm_p05": 915.2194513380527,
  "summary_wm_p95": 1088.151229172945,
  "summary_wm_stdv": 53.558606753698655,
  "tpm_overlap_csf": 0.15997025939508794,
  "tpm_overlap_gm": 0.45323926697253364,
  "tpm_overlap_wm": 0.5116928604446022,
  "wm2max": 0.5361921710383667
}