{
  "aor": 0.047459999999999995,
  "aqi": 0.0011494752222222222,
  "bids_meta": {
    "AcquisitionMatrixPE": 64,
    "AcquisitionNumber": 1,
    "AcquisitionTime": "16:21:32.000000",
    "BodyPartExamined": "BRAIN",
    "CoilString": "32Ch Head",
    "ConversionSoftware": "dcm2niix",
    "ConversionSoftwareVersion": "v1.0.20211006",
    "Dcm2bidsVersion": "2.1.6",
    "DeviceSerialNumber": "000301496MR3T6MR",
    "EchoTime": 0.0169,
    "EffectiveEchoSpacing": 0.000416,
    "FlipAngle": 90,
    "ImageOrientationPatientDICOM": [
      1,
      0,
      0,
      0,
      1,
      0
    ],
    "ImageType": [
      "ORIGINAL",
      "PRIMARY",
      "OTHER"
    ],
    "ImagingFrequency": 127.697,
    "InPlanePhaseEncodingDirectionDICOM": "COL",
    "InstitutionName": "NIH FMRIF",
    "InternalPulseSequenceName": "EPI",
    "MRAcquisitionType": "2D",
    "MagneticFieldStrength": 3,
    "Manufacturer": "GE",
    "ManufacturersModelName": "DISCOVERY MR750",
    "Modality": "MR",
    "PatientPosition": "HFS",
    "PercentPhaseFOV": 100,
    "PercentSampling": 100,
    "PhaseEncodingDirection": "j-",
    "PhaseEncodingPolarityGE": "Unflipped",
    "PixelBandwidth": 7812.5,
    "ProcedureStepDescription": "MRI Brain",
    "ProtocolName": "ADNI3 FMRIF Enhanced Pro",
    "PulseSequenceName": "epi",
    "ReconMatrixPE": 64,
    "RepetitionTime": 3,
    "SAR": 0.169066,
    "ScanOptions": "MP_GEMS\\EPI_GEMS\\PFF",
    "ScanningSequence": "EP\\GR",
    "SequenceVariant": "SS",
    "SeriesDescription": "Axial rsfMRI reverse blip - RKV",
    "SeriesNumber": 12,
    "SliceThickness": 3.4,
    "SliceTiming": [
      0,
      1.5,
      0.0625,
      1.5625,
      0.125,
      1.625,
      0.1875,
      1.6875,
      0.25,
      1.75,
      0.3125,
      1.8125,
      0.375,
      1.875,
      0.4375,
      1.9375,
      0.5,
      2,
      0.5625,
      2.0625,
      0.625,
      2.125,
      0.6875,
      2.1875,
      0.75,
      2.25,
      0.8125,
      2.3125,
      0.875,
      2.375,
      0.9375,
      2.4375,
      1,
      2.5,
      1.0625,
      2.5625,
      1.125,
      2.625,
      1.1875,
      2.6875,
      1.25,
      2.75,
      1.3125,
      2.8125,
      1.375,
      2.875,
      1.4375,
      2.9375
    ],
    "SoftwareVersions": "27\\LX\\MR Software release:DV26.0_R01_1725.a",
    "SpacingBetweenSlices": 3.4,
    "StationName": "fmrif3tb",
    "TaskName": "Resting state with reverse blip.",
    "TotalReadoutTime": 0.026208,
    "TriggerDelayTime": 29938,
    "dataset": "ds004215",
    "modality": "bold",
    "session_id": "01",
    "subject_id": "ON26854",
    "task_id": "rest"
  },
  "dummy_trs": 1,
  "dvars_nstd": 15.2012748725,
  "dvars_std": 1.4460913537499998,
  "dvars_vstd": 1.55567158,
  "efc": 0.46667563115900007,
  "fber": 5313.85546875,
  "fd_mean": 0.13245968897607863,
  "fd_num": 2,
  "fd_perc": 22.22222222222222,
  "fwhm_avg": 2.6575859684481844,
  "fwhm_x": 2.5919127272727276,
  "fwhm_y": 2.572322909090909,
  "fwhm_z": 2.8085222689809153,
  "gcor": 0.0627161,
  "gsr_x": -0.002510716440156102,
  "gsr_y": 0.05494758486747742,
  "provenance": {
    "md5sum": "f284644242878d21ae71319efec342fe",
    "settings": {
      "fd_thres": 0.2,
      "testing": false
    },
    "software": "mriqc",
    "version": "22.0.6",
    "webapi_port": null,
    "webapi_url": "https://mriqc.nimh.nih.gov/api/v1"
  },
  "size_t": 9,
  "size_x": 64,
  "size_y": 64,
  "size_z": 48,
  "snr": 4.256429237343425,
  "spacing_tr": 3.0,
  "spacing_x": 3.4375,
  "spacing_y": 3.4375,
  "spacing_z": 3.4000015258789062,
  "summary_bg_k": 27.084490609242277,
  "summary_bg_mad": 8.401414456757953,
  "summary_bg_mean": 123.37757873535156,
  "summary_bg_median": 32.77777862548828,
  "summary_bg_n": 131520.0,
  "summary_bg_p05": 23.22222328186035,
  "summary_bg_p95": 650.6666870117188,
  "summary_bg_stdv": 250.3041229248047,
  "summary_fg_k": 1.509111497231352,
  "summary_fg_mad": 478.30408981144757,
  "summary_fg_mean": 2469.1875,
  "summary_fg_median": 2386.0,
  "summary_fg_n": 28394.0,
  "summary_fg_p05": 1654.8500366210938,
  "summary_fg_p95": 3493.305566406249,
  "summary_fg_stdv": 560.5538940429688,
  "tsnr": 137.60798670351505
}