{
  "bids_meta": {
    "AcquisitionMatrixPE": 256,
    "AcquisitionNumber": 1,
    "AcquisitionTime": "15:03:26.000000",
    "BodyPartExamined": "BRAIN",
    "CoilString": "32Ch Head",
    "ConversionSoftware": "dcm2niix",
    "ConversionSoftwareVersion": "v1.0.20211006",
    "Dcm2bidsVersion": "2.1.6",
    "DeviceSerialNumber": "000301496MR3T6MR",
    "EchoTime": 0.00292,
    "FlipAngle": 8,
    "ImageOrientationPatientDICOM": [
      0,
      1,
      0,
      0,
      0,
      -1
    ],
    "ImageType": [
      "ORIGINAL",
      "PRIMARY",
      "OTHER"
    ],
    "ImagingFrequency": 127.697,
    "InPlanePhaseEncodingDirectionDICOM": "ROW",
    "InstitutionName": "NIH FMRIF",
    "InversionTime": 1.06,
    "MRAcquisitionType": "3D",
    "MagneticFieldStrength": 3,
    "Manufacturer": "GE",
    "ManufacturersModelName": "DISCOVERY MR750",
    "Modality": "MR",
    "ParallelReductionFactorInPlane": 2,
    "ParallelReductionOutOfPlane": 2,
    "PatientPosition": "HFS",
    "PercentPhaseFOV": 100,
    "PercentSampling": 100,
    "PixelBandwidth": 244.141,
    "ProcedureStepDescription": "MRI Brain",
    "ProtocolName": "ADNI3 FMRIF Enhanced Pro",
    "ReconMatrixPE": 256,
    "RepetitionTime": 0.006952,
    "SAR": 0.12659,
    "ScanOptions": "EDR_GEMS\\PROMO_GEMS\\ACC_GEMS\\IR_GEMS",
    "ScanningSequence": "RM",
    "SequenceVariant": "NONE",
    "SeriesDescription": "ORIG Anat T1w MP-RAGE 1mm (ABCD)",
    "SeriesNumber": 40003,
    "SliceThickness": 1,
    "SoftwareVersions": "27\\LX\\MR Software release:DV26.0_R01_1725.a",
    "SpacingBetweenSlices": 1,
    "StationName": "fmrif3tb",
    "acq_id": "MPRAGE",
    "dataset": "ds004215",
    "modality": "T1w",
    "session_id": "01",
    "subject_id": "ON49080"
  },
  "cjv": 0.3315915268797054,
  "cnr": 3.9240458450322957,
  "efc": 0.4253039358120798,
  "fber": 8472.953718042367,
  "fwhm_avg": 3.578633333333333,
  "fwhm_x": 3.52903,
  "fwhm_y": 3.77475,
  "fwhm_z": 3.43212,
  "icvs_csf": 0.23779459522468074,
  "icvs_gm": 0.43432192212683374,
  "icvs_wm": 0.32788348264848555,
  "inu_med": 0.8030086159706116,
  "inu_range": 0.39455991983413696,
  "provenance": {
    "md5sum": "697e1820bdfbb3cbc6a1e73f585eac23",
    "settings": {
      "testing": false
    },
    "software": "mriqc",
    "version": "22.0.6",
    "warnings": {
      "large_rot_frame": true,
      "small_air_mask": false
    },
    "webapi_port": null,
    "webapi_url": "https://mriqc.nimh.nih.gov/api/v1"
  },
  "qi_1": 0.0,
  "qi_2": 0.001444974921480525,
  "rpve_csf": 27.795821594991825,
  "rpve_gm": 15.558504308280092,
  "rpve_wm": 23.97252298588502,
  "size_x": 208,
  "size_y": 256,
  "size_z": 256,
  "snr_csf": 1.3028948556953286,
  "snr_gm": 8.025157624473215,
  "snr_total": 8.955112793327386,
  "snr_wm": 17.53728589981361,
  "snrd_csf": 9.666472154335134,
  "snrd_gm": 38.92460755467827,
  "snrd_total": 37.10212725272404,
  "snrd_wm": 62.715302049158694,
  "spacing_x": 1.0,
  "spacing_y": 1.0,
  "spacing_z": 1.0,
  "summary_bg_k": 1.7729891594842142,
  "summary_bg_mad": 10.446197316878978,
  "summary_bg_mean": 10.901953437706636,
  "summary_bg_median": 7.045853018760681,
  "summary_bg_n": 3699347.0,
  "summary_bg_p05": 0.0,
  "summary_bg_p95": 31.323014974594116,
  "summary_bg_stdv": 10.628990453654191,
  "summary_csf_k": 0.08843014756507328,
  "summary_csf_mad": 115.3411734832596,
  "summary_csf_mean": 183.2009755627755,
  "summary_csf_median": 154.1325981616974,
  "summary_csf_n": 30037.0,
  "summary_csf_p05": 37.7482488155365,
  "summary_csf_p95": 410.2876877546307,
  "summary_csf_stdv": 118.29813568941354,
  "summary_gm_k": 0.17205398983702258,
  "summary_gm_mad": 74.63889170972078,
  "summary_gm_mean": 619.8094811568351,
  "summary_gm_median": 620.6556848287582,
  "summary_gm_n": 23983.0,
  "summary_gm_p05": 490.2562941670418,
  "summary_gm_p95": 746.4588428735733,
  "summary_gm_stdv": 77.33714080692249,
  "summary_wm_k": 1.1017994242958542,
  "summary_wm_mad": 51.148479090417794,
  "summary_wm_mean": 996.6456245886192,
  "summary_wm_median": 1000.0000305175781,
  "summary_wm_n": 166162.0,
  "summary_wm_p05": 896.5026558637619,
  "summary_wm_p95": 1082.6884092092514,
  "summary_wm_stdv": 57.021196273706025,
  "tpm_overlap_csf": 0.14209436647988133,
  "tpm_overlap_gm": 0.46421366175522294,
  "tpm_overlap_wm": 0.49543961498370015,
  "wm2max": 0.5364774084882196
}