{
  "bids_meta": {
    "AcquisitionMatrixPE": 256,
    "AcquisitionNumber": 1,
    "AcquisitionTime": "15:10:24.000000",
    "BodyPartExamined": "BRAIN",
    "CoilString": "32Ch Head",
    "ConversionSoftware": "dcm2niix",
    "ConversionSoftwareVersion": "v1.0.20211006",
    "Dcm2bidsVersion": "2.1.6",
    "DeviceSerialNumber": "000301496MR3T6MR",
    "EchoTime": 0.066697,
    "EchoTrainLength": 140,
    "FlipAngle": 90,
    "ImageOrientationPatientDICOM": [
      0,
      1,
      0,
      0,
      0,
      -1
    ],
    "ImageType": [
      "ORIGINAL",
      "PRIMARY",
      "OTHER"
    ],
    "ImagingFrequency": 127.697,
    "InPlanePhaseEncodingDirectionDICOM": "ROW",
    "InstitutionName": "NIH FMRIF",
    "MRAcquisitionType": "3D",
    "MagneticFieldStrength": 3,
    "Manufacturer": "GE",
    "ManufacturersModelName": "DISCOVERY MR750",
    "Modality": "MR",
    "ParallelReductionFactorInPlane": 2,
    "ParallelReductionOutOfPlane": 1.5,
    "PatientPosition": "HFS",
    "PercentPhaseFOV": 100,
    "PercentSampling": 100,
    "PhaseEncodingAxis": "i",
    "PixelBandwidth": 244.141,
    "ProcedureStepDescription": "MRI Brain",
    "ProtocolName": "ADNI3 FMRIF Enhanced Pro",
    "ReconMatrixPE": 256,
    "RepetitionTime": 3.202,
    "SAR": 0.442,
    "ScanOptions": "SAT_GEMS\\EDR_GEMS\\PROMO_GEMS\\ACC_GEMS\\FS\\FR_GEMS",
    "ScanningSequence": "RM",
    "SequenceVariant": "NONE",
    "SeriesDescription": "ORIG Anat T2w CUBE (ABCD)",
    "SeriesNumber": 40004,
    "SliceThickness": 1,
    "SoftwareVersions": "27\\LX\\MR Software release:DV26.0_R01_1725.a",
    "SpacingBetweenSlices": 1,
    "StationName": "fmrif3tb",
    "acq_id": "CUBE",
    "dataset": "ds004215",
    "modality": "T2w",
    "session_id": "01",
    "subject_id": "ON49080"
  },
  "cjv": 0.8198228277179533,
  "cnr": 0.572447755495838,
  "efc": 0.4058653317025933,
  "fber": 11381.066390457416,
  "fwhm_avg": 2.2719633333333333,
  "fwhm_x": 1.95642,
  "fwhm_y": 2.50695,
  "fwhm_z": 2.35252,
  "icvs_csf": 0.2408420095199647,
  "icvs_gm": 0.619819953186201,
  "icvs_wm": 0.1393380372938343,
  "inu_med": 0.7934045195579529,
  "inu_range": 0.3048989325761795,
  "provenance": {
    "md5sum": "45f6353f78bf265fdd194fade59479d4",
    "settings": {
      "testing": false
    },
    "software": "mriqc",
    "version": "22.0.6",
    "warnings": {
      "large_rot_frame": true,
      "small_air_mask": false
    },
    "webapi_port": null,
    "webapi_url": "https://mriqc.nimh.nih.gov/api/v1"
  },
  "qi_1": 0.0,
  "qi_2": 0.011729208534435341,
  "rpve_csf": 23.2111077038997,
  "rpve_gm": 12.535584345218306,
  "rpve_wm": 55.889254468583864,
  "size_x": 204,
  "size_y": 256,
  "size_z": 256,
  "snr_csf": 6.873389222531334,
  "snr_gm": 9.712526966079965,
  "snr_total": 5.635657286189471,
  "snr_wm": 0.3210556699571147,
  "snrd_csf": 105.96770067742354,
  "snrd_gm": 54.17798596489203,
  "snrd_total": 59.85319881971201,
  "snrd_wm": 19.41390981682047,
  "spacing_x": 1.0,
  "spacing_y": 1.0,
  "spacing_z": 1.0,
  "summary_bg_k": 107.49889408781411,
  "summary_bg_mad": 33.904197065219535,
  "summary_bg_mean": 33.97340383261456,
  "summary_bg_median": 23.14027190208435,
  "summary_bg_n": 3553064.0,
  "summary_bg_p05": 0.0,
  "summary_bg_p95": 92.15272986888885,
  "summary_bg_stdv": 36.870968710312034,
  "summary_csf_k": 0.3582549795525929,
  "summary_csf_mad": 659.8200732424718,
  "summary_csf_mean": 5071.134433710077,
  "summary_csf_median": 5483.972202301025,
  "summary_csf_n": 9192.0,
  "summary_csf_p05": 3724.569687849283,
  "summary_csf_p95": 6000.469877117872,
  "summary_csf_stdv": 797.8122168393633,
  "summary_gm_k": 0.066461476145943,
  "summary_gm_mad": 291.61645690025136,
  "summary_gm_mean": 2824.2662744454583,
  "summary_gm_median": 2803.784239053726,
  "summary_gm_n": 262062.0,
  "summary_gm_p05": 2386.5787485837936,
  "summary_gm_p95": 3324.1681183576584,
  "summary_gm_stdv": 288.67656165827555,
  "summary_wm_k": -1.3786999000876863,
  "summary_wm_mad": 1183.3170207852068,
  "summary_wm_mean": 2943.6739386419454,
  "summary_wm_median": 1004.6961582899094,
  "summary_wm_n": 27756.0,
  "summary_wm_p05": 146.8386371433735,
  "summary_wm_p95": 8060.845657467842,
  "summary_wm_stdv": 3129.2954880405787,
  "tpm_overlap_csf": 0.12018655582861495,
  "tpm_overlap_gm": 0.3919509653567695,
  "tpm_overlap_wm": 0.028031349692949552,
  "wm2max": 0.12611707524472113
}