{
  "bids_meta": {
    "AcquisitionMatrixPE": 256,
    "AcquisitionNumber": 1,
    "AcquisitionTime": "15:10:24.000000",
    "BodyPartExamined": "BRAIN",
    "CoilString": "32Ch Head",
    "ConversionSoftware": "dcm2niix",
    "ConversionSoftwareVersion": "v1.0.20211006",
    "Dcm2bidsVersion": "2.1.6",
    "DeviceSerialNumber": "000301496MR3T6MR",
    "EchoTime": 0.066697,
    "EchoTrainLength": 140,
    "FlipAngle": 90,
    "ImageOrientationPatientDICOM": [
      0,
      1,
      0,
      0,
      0,
      -1
    ],
    "ImageType": [
      "ORIGINAL",
      "PRIMARY",
      "OTHER"
    ],
    "ImagingFrequency": 127.697,
    "InPlanePhaseEncodingDirectionDICOM": "ROW",
    "InstitutionName": "NIH FMRIF",
    "MRAcquisitionType": "3D",
    "MagneticFieldStrength": 3,
    "Manufacturer": "GE",
    "ManufacturersModelName": "DISCOVERY MR750",
    "Modality": "MR",
    "ParallelReductionFactorInPlane": 2,
    "ParallelReductionOutOfPlane": 1.5,
    "PatientPosition": "HFS",
    "PercentPhaseFOV": 100,
    "PercentSampling": 100,
    "PhaseEncodingAxis": "i",
    "PixelBandwidth": 244.141,
    "ProcedureStepDescription": "MRI Brain",
    "ProtocolName": "ADNI3 FMRIF Enhanced Pro",
    "ReconMatrixPE": 256,
    "RepetitionTime": 3.202,
    "SAR": 0.442,
    "ScanOptions": "SAT_GEMS\\EDR_GEMS\\PROMO_GEMS\\FILTERED_GEMS\\ACC_GEMS\\FS\\FR_GEMS",
    "ScanningSequence": "RM",
    "SequenceVariant": "NONE",
    "SeriesDescription": "Anat T2w CUBE (ABCD)",
    "SeriesNumber": 4,
    "SliceThickness": 1,
    "SoftwareVersions": "27\\LX\\MR Software release:DV26.0_R01_1725.a",
    "SpacingBetweenSlices": 1,
    "StationName": "fmrif3tb",
    "acq_id": "CUBE",
    "dataset": "ds004215",
    "modality": "T2w",
    "rec_id": "SCIC",
    "session_id": "01",
    "subject_id": "ON49080"
  },
  "cjv": 0.8849076019249723,
  "cnr": 0.5884401538339405,
  "efc": 0.45772206977593516,
  "fber": 3123.8047947493856,
  "fwhm_avg": 2.1631133333333334,
  "fwhm_x": 1.85014,
  "fwhm_y": 2.44137,
  "fwhm_z": 2.19783,
  "icvs_csf": 0.19182313578876684,
  "icvs_gm": 0.6590391254306927,
  "icvs_wm": 0.14913773878054054,
  "inu_med": 0.7457129955291748,
  "inu_range": 0.13933571279048917,
  "provenance": {
    "md5sum": "463e6f141cd4dbae91327d38d928662c",
    "settings": {
      "testing": false
    },
    "software": "mriqc",
    "version": "22.0.6",
    "warnings": {
      "large_rot_frame": true,
      "small_air_mask": false
    },
    "webapi_port": null,
    "webapi_url": "https://mriqc.nimh.nih.gov/api/v1"
  },
  "qi_1": 0.0,
  "qi_2": 0.009740469324263005,
  "rpve_csf": 27.613457013763092,
  "rpve_gm": 12.003781713651868,
  "rpve_wm": 51.58765902521216,
  "size_x": 204,
  "size_y": 256,
  "size_z": 256,
  "snr_csf": 4.495561493941215,
  "snr_gm": 9.235868098037637,
  "snr_total": 4.693951097608614,
  "snr_wm": 0.3504237008469887,
  "snrd_csf": 91.11127072527908,
  "snrd_gm": 53.29872939935967,
  "snrd_total": 54.74612097646678,
  "snrd_wm": 19.828362804761575,
  "spacing_x": 1.0,
  "spacing_y": 1.0,
  "spacing_z": 1.0,
  "summary_bg_k": 267.8397543240124,
  "summary_bg_mad": 33.18753288740422,
  "summary_bg_mean": 24.411194150896666,
  "summary_bg_median": 23.069895178079605,
  "summary_bg_n": 2932610.0,
  "summary_bg_p05": 0.0,
  "summary_bg_p95": 49.68021981418133,
  "summary_bg_stdv": 31.126199788108362,
  "summary_csf_k": -0.986776763252005,
  "summary_csf_mad": 1059.207203965087,
  "summary_csf_mean": 4928.266998844891,
  "summary_csf_median": 4615.463731840253,
  "summary_csf_n": 1860.0,
  "summary_csf_p05": 3599.9600662477314,
  "summary_csf_p95": 6462.951188957691,
  "summary_csf_stdv": 1026.3952245329665,
  "summary_gm_k": 0.22563580365401448,
  "summary_gm_mad": 285.98848493278433,
  "summary_gm_mean": 2725.4225171034473,
  "summary_gm_median": 2699.9771876484156,
  "summary_gm_n": 299271.0,
  "summary_gm_p05": 2292.2567629665136,
  "summary_gm_p95": 3251.256316483021,
  "summary_gm_stdv": 292.3355604542244,
  "summary_wm_k": -1.532674703707993,
  "summary_wm_mad": 1214.392785043179,
  "summary_wm_mean": 2777.0975505281513,
  "summary_wm_median": 1004.4540994614363,
  "summary_wm_n": 28587.0,
  "summary_wm_p05": 147.44175581634045,
  "summary_wm_p95": 7084.056723296642,
  "summary_wm_stdv": 2866.348732999655,
  "tpm_overlap_csf": 0.12127441255424891,
  "tpm_overlap_gm": 0.40612610125528154,
  "tpm_overlap_wm": 0.030397984578118663,
  "wm2max": 0.14269026720963057
}