{
  "bids_meta": {
    "AcquisitionMatrixPE": 256,
    "AcquisitionNumber": 1,
    "AcquisitionTime": "16:09:19.000000",
    "BodyPartExamined": "BRAIN",
    "CoilString": "32Ch Head",
    "ConversionSoftware": "dcm2niix",
    "ConversionSoftwareVersion": "v1.0.20211006",
    "Dcm2bidsVersion": "2.1.6",
    "DeviceSerialNumber": "000301496MR3T6MR",
    "EchoTime": 0.003036,
    "FlipAngle": 11,
    "ImageOrientationPatientDICOM": [
      0,
      1,
      0,
      0,
      0,
      -1
    ],
    "ImageType": [
      "ORIGINAL",
      "PRIMARY",
      "OTHER"
    ],
    "ImagingFrequency": 127.697,
    "InPlanePhaseEncodingDirectionDICOM": "ROW",
    "InstitutionName": "NIH FMRIF",
    "InversionTime": 0.4,
    "MRAcquisitionType": "3D",
    "MagneticFieldStrength": 3,
    "Manufacturer": "GE",
    "ManufacturersModelName": "DISCOVERY MR750",
    "Modality": "MR",
    "ParallelReductionFactorInPlane": 1.72974,
    "PatientPosition": "HFS",
    "PercentPhaseFOV": 100,
    "PercentSampling": 100,
    "PixelBandwidth": 244.141,
    "ProcedureStepDescription": "MRI Brain",
    "ProtocolName": "ADNI3 FMRIF Enhanced Pro",
    "ReconMatrixPE": 256,
    "RepetitionTime": 0.007348,
    "SAR": 0.166425,
    "ScanOptions": "FAST_GEMS\\EDR_GEMS\\FILTERED_GEMS\\ACC_GEMS\\IR_GEMS",
    "ScanningSequence": "GR",
    "SequenceVariant": "SS\\SP\\SK",
    "SeriesDescription": "Accelerated Sagittal IR-FSPGR",
    "SeriesNumber": 3,
    "SliceThickness": 1.2,
    "SoftwareVersions": "27\\LX\\MR Software release:DV26.0_R01_1725.a",
    "SpacingBetweenSlices": 1.2,
    "SpoilingState": true,
    "StationName": "fmrif3tb",
    "acq_id": "FSPGR",
    "dataset": "ds004215",
    "modality": "T1w",
    "rec_id": "SCIC",
    "session_id": "01",
    "subject_id": "ON74065"
  },
  "cjv": 0.3072026784616761,
  "cnr": 4.466826208487108,
  "efc": 0.540134491449966,
  "fber": -1.0,
  "fwhm_avg": 3.6336142202708426,
  "fwhm_x": 3.433183731037728,
  "fwhm_y": 3.8897979842316417,
  "fwhm_z": 3.5778609455431583,
  "icvs_csf": 0.21282758798733326,
  "icvs_gm": 0.4715168970980054,
  "icvs_wm": 0.3156555149146613,
  "inu_med": 0.5715120136737823,
  "inu_range": 0.14980120956897736,
  "provenance": {
    "md5sum": "c16a743f34adc4d5f9300f4c59b4c7cd",
    "settings": {
      "testing": false
    },
    "software": "mriqc",
    "version": "22.0.6",
    "warnings": {
      "large_rot_frame": true,
      "small_air_mask": false
    },
    "webapi_port": null,
    "webapi_url": "https://mriqc.nimh.nih.gov/api/v1"
  },
  "qi_1": 0.0,
  "qi_2": 0.0027922937014455028,
  "rpve_csf": 35.482212988945044,
  "rpve_gm": 17.26826051023441,
  "rpve_wm": 28.430452059942585,
  "size_x": 196,
  "size_y": 256,
  "size_z": 256,
  "snr_csf": 1.98705419223412,
  "snr_gm": 10.661644028853972,
  "snr_total": 12.213500429554784,
  "snr_wm": 23.991803067576264,
  "snrd_csf": 16.728042125398378,
  "snrd_gm": 49.162634752728586,
  "snrd_total": 46.672935052384446,
  "snrd_wm": 74.12812827902637,
  "spacing_x": 1.1999969482421875,
  "spacing_y": 1.0547000169754028,
  "spacing_z": 1.0547000169754028,
  "summary_bg_k": 11.55592602477222,
  "summary_bg_mad": 0.0,
  "summary_bg_mean": 4.898401815965495,
  "summary_bg_median": 0.0,
  "summary_bg_n": 1140276.0,
  "summary_bg_p05": 0.0,
  "summary_bg_p95": 24.024747028946877,
  "summary_bg_stdv": 8.837891788632923,
  "summary_csf_k": 3.461577623450948,
  "summary_csf_mad": 99.76933935444055,
  "summary_csf_mean": 241.76645796683405,
  "summary_csf_median": 225.66388639062643,
  "summary_csf_n": 24990.0,
  "summary_csf_p05": 83.80538846552372,
  "summary_csf_p95": 457.21544280983505,
  "summary_csf_stdv": 113.56477953325368,
  "summary_gm_k": -0.004719687563970343,
  "summary_gm_mad": 63.73324961746352,
  "summary_gm_mean": 662.1088163906692,
  "summary_gm_median": 663.2115785181522,
  "summary_gm_n": 43727.0,
  "summary_gm_p05": 557.84418046996,
  "summary_gm_p95": 760.7166973128915,
  "summary_gm_stdv": 62.204664977771344,
  "summary_wm_k": 0.33159552825385097,
  "summary_wm_mad": 39.72904438770857,
  "summary_wm_mean": 999.5527084837408,
  "summary_wm_median": 999.9999637082219,
  "summary_wm_n": 121835.0,
  "summary_wm_p05": 929.6934297606349,
  "summary_wm_p95": 1067.5344114601612,
  "summary_wm_stdv": 41.68072974641775,
  "tpm_overlap_csf": 0.147173288130461,
  "tpm_overlap_gm": 0.4934427213307637,
  "tpm_overlap_wm": 0.5161616705410744,
  "wm2max": 0.4256909289916541
}