{
  "bids_meta": {
    "AcquisitionMatrixPE": 256,
    "AcquisitionNumber": 1,
    "AcquisitionTime": "15:12:29.000000",
    "BodyPartExamined": "BRAIN",
    "CoilString": "32Ch Head",
    "ConversionSoftware": "dcm2niix",
    "ConversionSoftwareVersion": "v1.0.20211006",
    "Dcm2bidsVersion": "2.1.6",
    "DeviceSerialNumber": "000301496MR3T6MR",
    "EchoTime": 0.065821,
    "EchoTrainLength": 140,
    "FlipAngle": 90,
    "ImageOrientationPatientDICOM": [
      0,
      1,
      0,
      0,
      0,
      -1
    ],
    "ImageType": [
      "ORIGINAL",
      "PRIMARY",
      "OTHER"
    ],
    "ImagingFrequency": 127.697,
    "InPlanePhaseEncodingDirectionDICOM": "ROW",
    "InstitutionName": "NIH FMRIF",
    "MRAcquisitionType": "3D",
    "MagneticFieldStrength": 3,
    "Manufacturer": "GE",
    "ManufacturersModelName": "DISCOVERY MR750",
    "Modality": "MR",
    "ParallelReductionFactorInPlane": 2,
    "ParallelReductionOutOfPlane": 1.5,
    "PatientPosition": "HFS",
    "PercentPhaseFOV": 100,
    "PercentSampling": 100,
    "PhaseEncodingAxis": "i",
    "PixelBandwidth": 244.141,
    "ProcedureStepDescription": "MRI Brain",
    "ProtocolName": "ADNI3 FMRIF Enhanced Pro",
    "ReconMatrixPE": 256,
    "RepetitionTime": 3.202,
    "SAR": 0.4623,
    "ScanOptions": "SAT_GEMS\\EDR_GEMS\\PROMO_GEMS\\ACC_GEMS\\FS\\FR_GEMS",
    "ScanningSequence": "RM",
    "SequenceVariant": "NONE",
    "SeriesDescription": "Sag_CUBE_T2",
    "SeriesNumber": 4,
    "SliceThickness": 1,
    "SoftwareVersions": "27\\LX\\MR Software release:DV26.0_R01_1725.a",
    "SpacingBetweenSlices": 1,
    "StationName": "fmrif3tb",
    "acq_id": "CUBE",
    "dataset": "ds004215",
    "modality": "T2w",
    "session_id": "01",
    "subject_id": "ON33827"
  },
  "cjv": 0.89871865033024,
  "cnr": 1.1692655963292753,
  "efc": 0.38855797980346696,
  "fber": 7416.420856075842,
  "fwhm_avg": 2.3639266666666665,
  "fwhm_x": 1.97446,
  "fwhm_y": 2.56795,
  "fwhm_z": 2.54937,
  "icvs_csf": 0.13781107464894662,
  "icvs_gm": 0.6914876760862554,
  "icvs_wm": 0.17070124926479796,
  "inu_med": 0.8354710340499878,
  "inu_range": 0.46405494809150694,
  "provenance": {
    "md5sum": "94789b578eeee12ae5e1dafbf4cbf3e8",
    "settings": {
      "testing": false
    },
    "software": "mriqc",
    "version": "22.0.6",
    "warnings": {
      "large_rot_frame": true,
      "small_air_mask": false
    },
    "webapi_port": null,
    "webapi_url": "https://mriqc.nimh.nih.gov/api/v1"
  },
  "qi_1": 0.0,
  "qi_2": 0.0184622894360862,
  "rpve_csf": 32.36937077457752,
  "rpve_gm": 10.667123824293812,
  "rpve_wm": 40.62765766341795,
  "size_x": 204,
  "size_y": 256,
  "size_z": 256,
  "snr_csf": 7.736147482166233,
  "snr_gm": 8.768346523179488,
  "snr_total": 6.1431931451952835,
  "snr_wm": 1.9250854302401312,
  "snrd_csf": 98.27054827427845,
  "snrd_gm": 41.57881701409046,
  "snrd_total": 82.12221637395002,
  "snrd_wm": 106.51728383348114,
  "spacing_x": 1.0,
  "spacing_y": 1.0,
  "spacing_z": 1.0,
  "summary_bg_k": 0.19463627193502875,
  "summary_bg_mad": 6.151272395045693,
  "summary_bg_mean": 6.331376959662492,
  "summary_bg_median": 4.148970181122422,
  "summary_bg_n": 3654098.0,
  "summary_bg_p05": 0.0,
  "summary_bg_p95": 18.682640874758363,
  "summary_bg_stdv": 6.58423586222397,
  "summary_csf_k": 3.975878031179109,
  "summary_csf_mad": 73.8152687405483,
  "summary_csf_mean": 882.1654877022919,
  "summary_csf_median": 922.6916880905628,
  "summary_csf_n": 1961.0,
  "summary_csf_p05": 641.9856227003038,
  "summary_csf_p95": 987.3321525100619,
  "summary_csf_stdv": 119.23976368278714,
  "summary_gm_k": -0.006338997546006642,
  "summary_gm_mad": 44.9152079022863,
  "summary_gm_mean": 393.70306694955985,
  "summary_gm_median": 390.3959989361465,
  "summary_gm_n": 438386.0,
  "summary_gm_p05": 326.3692875020206,
  "summary_gm_p95": 472.02514599077404,
  "summary_gm_stdv": 44.523280716465216,
  "summary_wm_k": -1.497228174090676,
  "summary_wm_mad": 503.0576081179084,
  "summary_wm_mean": 762.6971125748141,
  "summary_wm_median": 1000.1227647252381,
  "summary_wm_n": 44273.0,
  "summary_wm_p05": 25.507574072107673,
  "summary_wm_p95": 1432.5092879086733,
  "summary_wm_stdv": 519.515370071305,
  "tpm_overlap_csf": 0.11130393226621192,
  "tpm_overlap_gm": 0.42142237883940553,
  "tpm_overlap_wm": 0.04120771735499236,
  "wm2max": 0.7089678216529472
}