{
  "bids_meta": {
    "AcquisitionMatrixPE": 256,
    "AcquisitionNumber": 1,
    "AcquisitionTime": "14:08:26.000000",
    "BodyPartExamined": "BRAIN",
    "CoilString": "32Ch Head",
    "ConversionSoftware": "dcm2niix",
    "ConversionSoftwareVersion": "v1.0.20211006",
    "Dcm2bidsVersion": "2.1.6",
    "DeviceSerialNumber": "000301496MR3T6MR",
    "EchoTime": 0.066833,
    "EchoTrainLength": 140,
    "FlipAngle": 90,
    "ImageOrientationPatientDICOM": [
      0,
      1,
      0,
      0,
      0,
      -1
    ],
    "ImageType": [
      "ORIGINAL",
      "PRIMARY",
      "OTHER"
    ],
    "ImagingFrequency": 127.697,
    "InPlanePhaseEncodingDirectionDICOM": "ROW",
    "InstitutionName": "NIH FMRIF",
    "MRAcquisitionType": "3D",
    "MagneticFieldStrength": 3,
    "Manufacturer": "GE",
    "ManufacturersModelName": "DISCOVERY MR750",
    "Modality": "MR",
    "ParallelReductionFactorInPlane": 2,
    "ParallelReductionOutOfPlane": 1.5,
    "PatientPosition": "HFS",
    "PercentPhaseFOV": 100,
    "PercentSampling": 100,
    "PhaseEncodingAxis": "i",
    "PixelBandwidth": 244.141,
    "ProcedureStepDescription": "MRI Brain",
    "ProtocolName": "ADNI3 FMRIF Enhanced Pro",
    "ReconMatrixPE": 256,
    "RepetitionTime": 3.241,
    "SAR": 0.4593,
    "ScanOptions": "SAT_GEMS\\EDR_GEMS\\PROMO_GEMS\\ACC_GEMS\\FS\\FR_GEMS",
    "ScanningSequence": "RM",
    "SequenceVariant": "NONE",
    "SeriesDescription": "Sag_CUBE_T2",
    "SeriesNumber": 4,
    "SliceThickness": 1,
    "SoftwareVersions": "27\\LX\\MR Software release:DV26.0_R01_1725.a",
    "SpacingBetweenSlices": 1,
    "StationName": "fmrif3tb",
    "acq_id": "CUBE",
    "dataset": "ds004215",
    "modality": "T2w",
    "session_id": "01",
    "subject_id": "ON80356"
  },
  "cjv": 22.387293499434588,
  "cnr": 0.050488420948997845,
  "efc": 0.36497376173546686,
  "fber": 12634.02139670092,
  "fwhm_avg": 2.281553333333333,
  "fwhm_x": 1.97573,
  "fwhm_y": 2.47972,
  "fwhm_z": 2.38921,
  "icvs_csf": 0.24063212199378262,
  "icvs_gm": 0.6005404929007976,
  "icvs_wm": 0.15882738510541974,
  "inu_med": 0.7745548188686371,
  "inu_range": 0.443387845158577,
  "provenance": {
    "md5sum": "3949a781af164557ec36f39ae8551f8f",
    "settings": {
      "testing": false
    },
    "software": "mriqc",
    "version": "22.0.6",
    "warnings": {
      "large_rot_frame": true,
      "small_air_mask": false
    },
    "webapi_port": null,
    "webapi_url": "https://mriqc.nimh.nih.gov/api/v1"
  },
  "qi_1": 0.0,
  "qi_2": 0.023401541188388202,
  "rpve_csf": 25.09647936670265,
  "rpve_gm": 13.869915471298059,
  "rpve_wm": 54.09553154335768,
  "size_x": 204,
  "size_y": 256,
  "size_z": 256,
  "snr_csf": 7.472624194936084,
  "snr_gm": 9.888067649402732,
  "snr_total": 6.037388675367002,
  "snr_wm": 0.7514741817621908,
  "snrd_csf": 88.16528214864267,
  "snrd_gm": 55.10278351151092,
  "snrd_total": 64.96367407525639,
  "snrd_wm": 51.62295656561559,
  "spacing_x": 1.0,
  "spacing_y": 1.0,
  "spacing_z": 1.0,
  "summary_bg_k": 58.16047231716852,
  "summary_bg_mad": 12.918170020660074,
  "summary_bg_mean": 9.473795434163097,
  "summary_bg_median": 8.713173270225525,
  "summary_bg_n": 4956405.0,
  "summary_bg_p05": 0.0,
  "summary_bg_p95": 35.17943707853556,
  "summary_bg_stdv": 13.027772462053345,
  "summary_csf_k": 0.6258306170227619,
  "summary_csf_mad": 215.20863868793393,
  "summary_csf_mean": 1775.0949129155524,
  "summary_csf_median": 1738.4686680752784,
  "summary_csf_n": 6954.0,
  "summary_csf_p05": 1452.9761001430452,
  "summary_csf_p95": 2213.192299370281,
  "summary_csf_stdv": 232.62827361397734,
  "summary_gm_k": 0.33708246523988317,
  "summary_gm_mad": 108.18967392302812,
  "summary_gm_mean": 1091.447606531941,
  "summary_gm_median": 1086.532706797123,
  "summary_gm_n": 222280.0,
  "summary_gm_p05": 920.1110973358154,
  "summary_gm_p95": 1277.6779454126954,
  "summary_gm_stdv": 109.88297221013349,
  "summary_wm_k": -1.7713931687892583,
  "summary_wm_mad": 1427.9422186587128,
  "summary_wm_mean": 1522.7288632056443,
  "summary_wm_median": 1017.916467294097,
  "summary_wm_n": 30042.0,
  "summary_wm_p05": 56.03659559413791,
  "summary_wm_p95": 3415.5611990617585,
  "summary_wm_stdv": 1354.5369226257164,
  "tpm_overlap_csf": 0.11719697106588065,
  "tpm_overlap_gm": 0.37987408690315616,
  "tpm_overlap_wm": 0.03491146132303527,
  "wm2max": 0.3097403060683915
}