{
  "bids_meta": {
    "AcquisitionMatrixPE": 256,
    "AcquisitionNumber": 1,
    "AcquisitionTime": "11:27:26.000000",
    "BodyPartExamined": "BRAIN",
    "CoilString": "32Ch Head",
    "ConversionSoftware": "dcm2niix",
    "ConversionSoftwareVersion": "v1.0.20211006",
    "Dcm2bidsVersion": "2.1.6",
    "DeviceSerialNumber": "000301496mr3T5mr",
    "EchoTime": 0.00292,
    "FlipAngle": 8,
    "ImageOrientationPatientDICOM": [
      0,
      1,
      0,
      0,
      0,
      -1
    ],
    "ImageType": [
      "ORIGINAL",
      "PRIMARY",
      "OTHER"
    ],
    "ImagingFrequency": 127.824,
    "InPlanePhaseEncodingDirectionDICOM": "ROW",
    "InstitutionName": "NIH FMRIF",
    "InversionTime": 1.06,
    "MRAcquisitionType": "3D",
    "MagneticFieldStrength": 3,
    "Manufacturer": "GE",
    "ManufacturersModelName": "DISCOVERY MR750",
    "Modality": "MR",
    "ParallelReductionFactorInPlane": 2,
    "ParallelReductionOutOfPlane": 2,
    "PatientPosition": "HFS",
    "PercentPhaseFOV": 100,
    "PercentSampling": 100,
    "PixelBandwidth": 244.141,
    "ProcedureStepDescription": "MRI Brain",
    "ProtocolName": "ADNI3 FMRIF Enhanced Pro",
    "ReconMatrixPE": 256,
    "RepetitionTime": 0.006952,
    "SAR": 0.0987539,
    "ScanOptions": "EDR_GEMS\\PROMO_GEMS\\FILTERED_GEMS\\ACC_GEMS\\IR_GEMS",
    "ScanningSequence": "RM",
    "SequenceVariant": "NONE",
    "SeriesDescription": "Anat T1w MP-RAGE 1mm (ABCD)",
    "SeriesNumber": 3,
    "SliceThickness": 1,
    "SoftwareVersions": "27\\LX\\MR Software release:DV26.0_R03_1831.b",
    "SpacingBetweenSlices": 1,
    "StationName": "FMRI3ta",
    "acq_id": "MPRAGE",
    "dataset": "ds004215",
    "modality": "T1w",
    "rec_id": "SCIC",
    "session_id": "01",
    "subject_id": "ON85616"
  },
  "cjv": 0.3636699975571849,
  "cnr": 3.6634363128453264,
  "efc": 0.6443418700578215,
  "fber": 16767.63394041424,
  "fwhm_avg": 3.380258151322065,
  "fwhm_x": 3.322694453966195,
  "fwhm_y": 3.48417,
  "fwhm_z": 3.33391,
  "icvs_csf": 0.23646166779176084,
  "icvs_gm": 0.41824526863350825,
  "icvs_wm": 0.34529306357473094,
  "inu_med": 0.43579211831092834,
  "inu_range": 0.06034621000289914,
  "provenance": {
    "md5sum": "80a42911b5cd36fa53dfdc008321fff1",
    "settings": {
      "testing": false
    },
    "software": "mriqc",
    "version": "22.0.6",
    "warnings": {
      "large_rot_frame": true,
      "small_air_mask": false
    },
    "webapi_port": null,
    "webapi_url": "https://mriqc.nimh.nih.gov/api/v1"
  },
  "qi_1": 0.0,
  "qi_2": 0.0014630287564902239,
  "rpve_csf": 29.30223772536103,
  "rpve_gm": 16.634712106942274,
  "rpve_wm": 23.51785234480499,
  "size_x": 208,
  "size_y": 256,
  "size_z": 256,
  "snr_csf": 1.4951555961940837,
  "snr_gm": 8.422730708950867,
  "snr_total": 10.252567511620493,
  "snr_wm": 20.83981622971653,
  "snrd_csf": 16.882969922504795,
  "snrd_gm": 64.55551976986642,
  "snrd_total": 59.721897715238335,
  "snrd_wm": 97.7272034533438,
  "spacing_x": 0.9997940063476562,
  "spacing_y": 1.0,
  "spacing_z": 1.0,
  "summary_bg_k": 5.359311875492542,
  "summary_bg_mad": 6.703726216635041,
  "summary_bg_mean": 7.371358509234335,
  "summary_bg_median": 4.521594621241093,
  "summary_bg_n": 1001110.0,
  "summary_bg_p05": 0.0,
  "summary_bg_p95": 33.2103329077363,
  "summary_bg_stdv": 11.47396608550381,
  "summary_csf_k": 8.745381237558854,
  "summary_csf_mad": 89.8068150056108,
  "summary_csf_mean": 205.42431725136765,
  "summary_csf_median": 172.7560979425907,
  "summary_csf_n": 38588.0,
  "summary_csf_p05": 75.69773064181209,
  "summary_csf_p95": 435.1813940448687,
  "summary_csf_stdv": 115.54239565343319,
  "summary_gm_k": 0.037434003931410054,
  "summary_gm_mad": 77.0543243291384,
  "summary_gm_mean": 661.7449325661896,
  "summary_gm_median": 660.5685935169458,
  "summary_gm_n": 24597.0,
  "summary_gm_p05": 533.730068538338,
  "summary_gm_p95": 793.3527555607257,
  "summary_gm_stdv": 78.42529796779863,
  "summary_wm_k": 0.3004211603121223,
  "summary_wm_mad": 46.386703246141316,
  "summary_wm_mean": 999.5222015846057,
  "summary_wm_median": 1000.0000242218375,
  "summary_wm_n": 182305.0,
  "summary_wm_p05": 920.0925330705941,
  "summary_wm_p95": 1077.1269945427775,
  "summary_wm_stdv": 47.984937608784044,
  "tpm_overlap_csf": 0.15079586032210165,
  "tpm_overlap_gm": 0.4660706184317629,
  "tpm_overlap_wm": 0.5181689541202193,
  "wm2max": 0.644338608695926
}