{
  "bids_meta": {
    "AcquisitionMatrixPE": 256,
    "AcquisitionNumber": 1,
    "AcquisitionTime": "11:04:57.000000",
    "BodyPartExamined": "BRAIN",
    "CoilString": "32Ch Head",
    "ConversionSoftware": "dcm2niix",
    "ConversionSoftwareVersion": "v1.0.20211006",
    "Dcm2bidsVersion": "2.1.6",
    "DeviceSerialNumber": "000301496mr3T5mr",
    "EchoTime": 0.066902,
    "EchoTrainLength": 140,
    "FlipAngle": 90,
    "ImageOrientationPatientDICOM": [
      0,
      1,
      0,
      0,
      0,
      -1
    ],
    "ImageType": [
      "ORIGINAL",
      "PRIMARY",
      "OTHER"
    ],
    "ImagingFrequency": 127.824,
    "InPlanePhaseEncodingDirectionDICOM": "ROW",
    "InstitutionName": "NIH FMRIF",
    "MRAcquisitionType": "3D",
    "MagneticFieldStrength": 3,
    "Manufacturer": "GE",
    "ManufacturersModelName": "DISCOVERY MR750",
    "Modality": "MR",
    "ParallelReductionFactorInPlane": 2,
    "ParallelReductionOutOfPlane": 1.5,
    "PatientPosition": "HFS",
    "PercentPhaseFOV": 100,
    "PercentSampling": 100,
    "PhaseEncodingAxis": "i",
    "PixelBandwidth": 244.141,
    "ProcedureStepDescription": "MRI Brain",
    "ProtocolName": "ADNI3 FMRIF Enhanced Pro",
    "ReconMatrixPE": 256,
    "RepetitionTime": 3.202,
    "SAR": 0.5007,
    "ScanOptions": "SAT_GEMS\\EDR_GEMS\\PROMO_GEMS\\FILTERED_GEMS\\ACC_GEMS\\FS\\FR_GEMS",
    "ScanningSequence": "RM",
    "SequenceVariant": "NONE",
    "SeriesDescription": "Anat T2w CUBE (ABCD)",
    "SeriesNumber": 4,
    "SliceThickness": 1,
    "SoftwareVersions": "27\\LX\\MR Software release:DV26.0_R03_1831.b",
    "SpacingBetweenSlices": 1,
    "StationName": "FMRI3ta",
    "acq_id": "CUBE",
    "dataset": "ds004215",
    "modality": "T2w",
    "rec_id": "SCIC",
    "session_id": "01",
    "subject_id": "ON63704"
  },
  "cjv": 0.47965111594069376,
  "cnr": 1.3980497648330255,
  "efc": 0.43282270772192505,
  "fber": 7457.158168574401,
  "fwhm_avg": 2.35239,
  "fwhm_x": 1.9307,
  "fwhm_y": 2.68043,
  "fwhm_z": 2.44604,
  "icvs_csf": 0.25385436949824997,
  "icvs_gm": 0.21812294847232727,
  "icvs_wm": 0.5280226820294227,
  "inu_med": 0.7722780704498291,
  "inu_range": 0.18891889452934263,
  "provenance": {
    "md5sum": "005db508f6e3f8108ca6f11014182817",
    "settings": {
      "testing": false
    },
    "software": "mriqc",
    "version": "22.0.6",
    "warnings": {
      "large_rot_frame": true,
      "small_air_mask": false
    },
    "webapi_port": null,
    "webapi_url": "https://mriqc.nimh.nih.gov/api/v1"
  },
  "qi_1": 0.0,
  "qi_2": 0.01757551032598684,
  "rpve_csf": 22.226402424181376,
  "rpve_gm": 35.15084100720562,
  "rpve_wm": 13.971710585318245,
  "size_x": 204,
  "size_y": 256,
  "size_z": 256,
  "snr_csf": 10.797845792481581,
  "snr_gm": 2.2069628031613626,
  "snr_total": 7.860306486940143,
  "snr_wm": 10.576110865177483,
  "snrd_csf": 62.94081684339161,
  "snrd_gm": 116.00852127170562,
  "snrd_total": 73.75192257037446,
  "snrd_wm": 42.306429596026135,
  "spacing_x": 1.0,
  "spacing_y": 1.0,
  "spacing_z": 1.0,
  "summary_bg_k": 3.7692374914862077,
  "summary_bg_mad": 15.487919190156818,
  "summary_bg_mean": 8.461637044806563,
  "summary_bg_median": 10.446442745625973,
  "summary_bg_n": 2630718.0,
  "summary_bg_p05": 0.0,
  "summary_bg_p95": 23.3355860337615,
  "summary_bg_stdv": 9.126063344035403,
  "summary_csf_k": 0.5321568296271764,
  "summary_csf_mad": 134.92212190032134,
  "summary_csf_mean": 1494.3359930468778,
  "summary_csf_median": 1487.9684368520975,
  "summary_csf_n": 9837.0,
  "summary_csf_p05": 1282.0643728241325,
  "summary_csf_p95": 1726.4799545049666,
  "summary_csf_stdv": 137.795337358431,
  "summary_gm_k": -1.2338521653126202,
  "summary_gm_mad": 741.8019803166154,
  "summary_gm_mean": 2112.2672557301034,
  "summary_gm_median": 2742.5290410146117,
  "summary_gm_n": 66325.0,
  "summary_gm_p05": 71.88815724253656,
  "summary_gm_p95": 3292.18863543123,
  "summary_gm_stdv": 1242.661798414259,
  "summary_wm_k": 0.1428563250299293,
  "summary_wm_mad": 93.92922135721972,
  "summary_wm_mean": 1002.7687042490576,
  "summary_wm_median": 1000.1559412777424,
  "summary_wm_n": 195987.0,
  "summary_wm_p05": 852.0867105200887,
  "summary_wm_p95": 1160.9583982676268,
  "summary_wm_stdv": 94.56721874768735,
  "tpm_overlap_csf": 0.09973584404988875,
  "tpm_overlap_gm": 0.12801839116338104,
  "tpm_overlap_wm": 0.45333518505273723,
  "wm2max": 0.30434438803751324
}