{
  "bids_meta": {
    "AcquisitionMatrixPE": 256,
    "AcquisitionNumber": 1,
    "AcquisitionTime": "10:58:25.000000",
    "BodyPartExamined": "BRAIN",
    "CoilString": "32Ch Head",
    "ConversionSoftware": "dcm2niix",
    "ConversionSoftwareVersion": "v1.0.20211006",
    "Dcm2bidsVersion": "2.1.6",
    "DeviceSerialNumber": "000301496mr3T5mr",
    "EchoTime": 0.00292,
    "FlipAngle": 8,
    "ImageOrientationPatientDICOM": [
      0,
      1,
      0,
      0,
      0,
      -1
    ],
    "ImageType": [
      "ORIGINAL",
      "PRIMARY",
      "OTHER"
    ],
    "ImagingFrequency": 127.824,
    "InPlanePhaseEncodingDirectionDICOM": "ROW",
    "InstitutionName": "NIH FMRIF",
    "InversionTime": 1.06,
    "MRAcquisitionType": "3D",
    "MagneticFieldStrength": 3,
    "Manufacturer": "GE",
    "ManufacturersModelName": "DISCOVERY MR750",
    "Modality": "MR",
    "ParallelReductionFactorInPlane": 2,
    "ParallelReductionOutOfPlane": 2,
    "PatientPosition": "HFS",
    "PercentPhaseFOV": 100,
    "PercentSampling": 100,
    "PixelBandwidth": 244.141,
    "ProcedureStepDescription": "MRI Brain",
    "ProtocolName": "ADNI3 FMRIF Enhanced Pro",
    "ReconMatrixPE": 256,
    "RepetitionTime": 0.006952,
    "SAR": 0.102824,
    "ScanOptions": "EDR_GEMS\\PROMO_GEMS\\ACC_GEMS\\IR_GEMS",
    "ScanningSequence": "RM",
    "SequenceVariant": "NONE",
    "SeriesDescription": "ORIG Anat T1w MP-RAGE 1mm (ABCD)",
    "SeriesNumber": 40003,
    "SliceThickness": 1,
    "SoftwareVersions": "27\\LX\\MR Software release:DV26.0_R03_1831.b",
    "SpacingBetweenSlices": 1,
    "StationName": "FMRI3ta",
    "acq_id": "MPRAGE",
    "dataset": "ds004215",
    "modality": "T1w",
    "session_id": "01",
    "subject_id": "ON63704"
  },
  "cjv": 0.3749735778021418,
  "cnr": 3.517558903111592,
  "efc": 0.4144099127661496,
  "fber": 8453.94834124638,
  "fwhm_avg": 3.90661,
  "fwhm_x": 3.81425,
  "fwhm_y": 4.10294,
  "fwhm_z": 3.80264,
  "icvs_csf": 0.23528850055077483,
  "icvs_gm": 0.42035179770660036,
  "icvs_wm": 0.3443597017426248,
  "inu_med": 0.8397769033908844,
  "inu_range": 0.5514627039432526,
  "provenance": {
    "md5sum": "958ff717740832c3c3cb3e70e08304aa",
    "settings": {
      "testing": false
    },
    "software": "mriqc",
    "version": "22.0.6",
    "warnings": {
      "large_rot_frame": true,
      "small_air_mask": false
    },
    "webapi_port": null,
    "webapi_url": "https://mriqc.nimh.nih.gov/api/v1"
  },
  "qi_1": 0.0,
  "qi_2": 0.001664580235647841,
  "rpve_csf": 28.087904661811866,
  "rpve_gm": 15.80753982446163,
  "rpve_wm": 22.559334524415522,
  "size_x": 208,
  "size_y": 256,
  "size_z": 256,
  "snr_csf": 1.2311716556440064,
  "snr_gm": 7.71807736162925,
  "snr_total": 9.464640047898042,
  "snr_wm": 19.44467112642087,
  "snrd_csf": 6.109174248675199,
  "snrd_gm": 34.20828840193112,
  "snrd_total": 30.96331218751057,
  "snrd_wm": 52.57247391192539,
  "spacing_x": 1.0,
  "spacing_y": 1.0,
  "spacing_z": 1.0,
  "summary_bg_k": 1.6851500493929565,
  "summary_bg_mad": 12.462043449607382,
  "summary_bg_mean": 11.066319233805734,
  "summary_bg_median": 9.35985915362835,
  "summary_bg_n": 3437374.0,
  "summary_bg_p05": 0.0,
  "summary_bg_p95": 30.79577188193798,
  "summary_bg_stdv": 10.456168776637016,
  "summary_csf_k": 2.8697264914698133,
  "summary_csf_mad": 63.99721876304927,
  "summary_csf_mean": 141.6859003256204,
  "summary_csf_median": 116.20907482504845,
  "summary_csf_n": 41158.0,
  "summary_csf_p05": 39.31140844523907,
  "summary_csf_p95": 347.0232015535236,
  "summary_csf_stdv": 94.3878642269625,
  "summary_gm_k": 0.1341993280288416,
  "summary_gm_mad": 81.19375033543325,
  "summary_gm_mean": 649.341582870154,
  "summary_gm_median": 650.7120904922485,
  "summary_gm_n": 23451.0,
  "summary_gm_p05": 507.2676607966423,
  "summary_gm_p95": 787.5128554552794,
  "summary_gm_stdv": 84.308330428603,
  "summary_wm_k": 0.3985255567505095,
  "summary_wm_mad": 49.79375439471946,
  "summary_wm_mean": 1000.4811787306951,
  "summary_wm_median": 1000.0367162376642,
  "summary_wm_n": 179610.0,
  "summary_wm_p05": 917.4497237056494,
  "summary_wm_p95": 1085.2297872006893,
  "summary_wm_stdv": 51.429716955376826,
  "tpm_overlap_csf": 0.16023711962898465,
  "tpm_overlap_gm": 0.4679457941416141,
  "tpm_overlap_wm": 0.5153056368212521,
  "wm2max": 0.6043665700970428
}