{
  "bids_meta": {
    "AcquisitionMatrixPE": 256,
    "AcquisitionNumber": 1,
    "AcquisitionTime": "15:23:40.000000",
    "BodyPartExamined": "BRAIN",
    "CoilString": "32Ch Head",
    "ConversionSoftware": "dcm2niix",
    "ConversionSoftwareVersion": "v1.0.20211006",
    "Dcm2bidsVersion": "2.1.6",
    "DeviceSerialNumber": "000301496MR3T6MR",
    "EchoTime": 0.003036,
    "FlipAngle": 11,
    "ImageOrientationPatientDICOM": [
      0,
      1,
      0,
      0,
      0,
      -1
    ],
    "ImageType": [
      "ORIGINAL",
      "PRIMARY",
      "OTHER"
    ],
    "ImagingFrequency": 127.697,
    "InPlanePhaseEncodingDirectionDICOM": "ROW",
    "InstitutionName": "NIH FMRIF",
    "InversionTime": 0.4,
    "MRAcquisitionType": "3D",
    "MagneticFieldStrength": 3,
    "Manufacturer": "GE",
    "ManufacturersModelName": "DISCOVERY MR750",
    "Modality": "MR",
    "ParallelReductionFactorInPlane": 1.72974,
    "PatientPosition": "HFS",
    "PercentPhaseFOV": 100,
    "PercentSampling": 100,
    "PixelBandwidth": 244.141,
    "ProcedureStepDescription": "MRI Brain",
    "ProtocolName": "ADNI3 FMRIF Enhanced Pro",
    "ReconMatrixPE": 256,
    "RepetitionTime": 0.007348,
    "SAR": 0.201155,
    "ScanOptions": "FAST_GEMS\\EDR_GEMS\\FILTERED_GEMS\\ACC_GEMS\\IR_GEMS",
    "ScanningSequence": "GR",
    "SequenceVariant": "SS\\SP\\SK",
    "SeriesDescription": "Accelerated Sagittal IR-FSPGR",
    "SeriesNumber": 3,
    "SliceThickness": 1.2,
    "SoftwareVersions": "27\\LX\\MR Software release:DV26.0_R01_1725.a",
    "SpacingBetweenSlices": 1.2,
    "SpoilingState": true,
    "StationName": "fmrif3tb",
    "acq_id": "FSPGR",
    "dataset": "ds004215",
    "modality": "T1w",
    "rec_id": "SCIC",
    "session_id": "01",
    "subject_id": "ON65697"
  },
  "cjv": 0.3218910314376645,
  "cnr": 4.161596466989152,
  "efc": 0.5900955075560271,
  "fber": 20785.68489892985,
  "fwhm_avg": 3.6031156132053854,
  "fwhm_x": 3.3221373270518226,
  "fwhm_y": 3.927884643332299,
  "fwhm_z": 3.5593248692320345,
  "icvs_csf": 0.20422749951843464,
  "icvs_gm": 0.442820423774059,
  "icvs_wm": 0.35295207670750633,
  "inu_med": 0.4938553124666214,
  "inu_range": 0.10689222067594528,
  "provenance": {
    "md5sum": "c436fc1cd979be533b9bc70badcb2eb1",
    "settings": {
      "testing": false
    },
    "software": "mriqc",
    "version": "22.0.6",
    "warnings": {
      "large_rot_frame": true,
      "small_air_mask": false
    },
    "webapi_port": null,
    "webapi_url": "https://mriqc.nimh.nih.gov/api/v1"
  },
  "qi_1": 0.0,
  "qi_2": 0.006484490024452688,
  "rpve_csf": 31.9290238179808,
  "rpve_gm": 16.136698780030866,
  "rpve_wm": 24.418421037553692,
  "size_x": 196,
  "size_y": 256,
  "size_z": 256,
  "snr_csf": 1.94490552785484,
  "snr_gm": 9.223422837647572,
  "snr_total": 12.03760017010786,
  "snr_wm": 24.944472144821166,
  "snrd_csf": 18.672629187922865,
  "snrd_gm": 59.35955847948064,
  "snrd_total": 56.07775386455791,
  "snrd_wm": 90.20107392627024,
  "spacing_x": 1.2000045776367188,
  "spacing_y": 1.0547000169754028,
  "spacing_z": 1.0547000169754028,
  "summary_bg_k": 17.02084775782728,
  "summary_bg_mad": 0.0,
  "summary_bg_mean": 4.326417857697173,
  "summary_bg_median": 0.0,
  "summary_bg_n": 961614.0,
  "summary_bg_p05": 0.0,
  "summary_bg_p95": 18.844850417226553,
  "summary_bg_stdv": 7.2630661503531115,
  "summary_csf_k": 1.4126762324504902,
  "summary_csf_mad": 96.69548658045177,
  "summary_csf_mean": 216.9483828758292,
  "summary_csf_median": 207.0111521705985,
  "summary_csf_n": 13346.0,
  "summary_csf_p05": 65.84723107516766,
  "summary_csf_p95": 416.06043292209506,
  "summary_csf_stdv": 106.43365115178538,
  "summary_gm_k": 0.044662537362200716,
  "summary_gm_mad": 70.82479509871071,
  "summary_gm_mean": 656.8222486089638,
  "summary_gm_median": 658.0803629476577,
  "summary_gm_n": 33526.0,
  "summary_gm_p05": 535.918071391061,
  "summary_gm_p95": 771.0083642415702,
  "summary_gm_stdv": 71.34775885050378,
  "summary_wm_k": 0.26322062196586815,
  "summary_wm_mad": 39.23605320860639,
  "summary_wm_mean": 1000.0402988797248,
  "summary_wm_median": 999.9999492615461,
  "summary_wm_n": 178475.0,
  "summary_wm_p05": 934.6544113755226,
  "summary_wm_p95": 1065.8158245123923,
  "summary_wm_stdv": 40.08892799732229,
  "tpm_overlap_csf": 0.16379721278111906,
  "tpm_overlap_gm": 0.47292142058053716,
  "tpm_overlap_wm": 0.5312894762945739,
  "wm2max": 0.5538824918807204
}