{
  "bids_meta": {
    "AcquisitionMatrixPE": 256,
    "AcquisitionNumber": 1,
    "AcquisitionTime": "15:29:46.000000",
    "BodyPartExamined": "BRAIN",
    "CoilString": "32Ch Head",
    "ConversionSoftware": "dcm2niix",
    "ConversionSoftwareVersion": "v1.0.20211006",
    "Dcm2bidsVersion": "2.1.6",
    "DeviceSerialNumber": "000301496MR3T6MR",
    "EchoTime": 0.066898,
    "EchoTrainLength": 140,
    "FlipAngle": 90,
    "ImageOrientationPatientDICOM": [
      0,
      1,
      0,
      0,
      0,
      -1
    ],
    "ImageType": [
      "ORIGINAL",
      "PRIMARY",
      "OTHER"
    ],
    "ImagingFrequency": 127.697,
    "InPlanePhaseEncodingDirectionDICOM": "ROW",
    "InstitutionName": "NIH FMRIF",
    "MRAcquisitionType": "3D",
    "MagneticFieldStrength": 3,
    "Manufacturer": "GE",
    "ManufacturersModelName": "DISCOVERY MR750",
    "Modality": "MR",
    "ParallelReductionFactorInPlane": 2,
    "ParallelReductionOutOfPlane": 1.5,
    "PatientPosition": "HFS",
    "PercentPhaseFOV": 100,
    "PercentSampling": 100,
    "PhaseEncodingAxis": "i",
    "PixelBandwidth": 244.141,
    "ProcedureStepDescription": "MRI Brain",
    "ProtocolName": "ADNI3 FMRIF Enhanced Pro",
    "ReconMatrixPE": 256,
    "RepetitionTime": 3.202,
    "SAR": 0.4286,
    "ScanOptions": "SAT_GEMS\\EDR_GEMS\\PROMO_GEMS\\ACC_GEMS\\FS\\FR_GEMS",
    "ScanningSequence": "RM",
    "SequenceVariant": "NONE",
    "SeriesDescription": "Sag_CUBE_T2",
    "SeriesNumber": 4,
    "SliceThickness": 1,
    "SoftwareVersions": "27\\LX\\MR Software release:DV26.0_R01_1725.a",
    "SpacingBetweenSlices": 1,
    "StationName": "fmrif3tb",
    "acq_id": "CUBE",
    "dataset": "ds004215",
    "modality": "T2w",
    "session_id": "01",
    "subject_id": "ON65697"
  },
  "cjv": 1.183079316063546,
  "cnr": 1.005368300195938,
  "efc": 0.4133844827533414,
  "fber": 5938.509983234264,
  "fwhm_avg": 2.49002,
  "fwhm_x": 2.0792,
  "fwhm_y": 2.74754,
  "fwhm_z": 2.64332,
  "icvs_csf": 0.34140781135034987,
  "icvs_gm": 0.18836189556245408,
  "icvs_wm": 0.47023029308719605,
  "inu_med": 0.9615281224250793,
  "inu_range": 0.7371519207954407,
  "provenance": {
    "md5sum": "2bb05773d788d6d865ae08d28a0a7752",
    "settings": {
      "testing": false
    },
    "software": "mriqc",
    "version": "22.0.6",
    "warnings": {
      "large_rot_frame": true,
      "small_air_mask": false
    },
    "webapi_port": null,
    "webapi_url": "https://mriqc.nimh.nih.gov/api/v1"
  },
  "qi_1": 0.0,
  "qi_2": 0.02071156343713085,
  "rpve_csf": 15.553001423078372,
  "rpve_gm": 33.15448258706468,
  "rpve_wm": 13.005565645494848,
  "size_x": 204,
  "size_y": 256,
  "size_z": 256,
  "snr_csf": 12.076190511494323,
  "snr_gm": 1.7217392581390918,
  "snr_total": 8.518319757801747,
  "snr_wm": 11.757029503771824,
  "snrd_csf": 53.88246063733392,
  "snrd_gm": 90.17738104192351,
  "snrd_total": 60.49355173726931,
  "snrd_wm": 37.420813532550504,
  "spacing_x": 1.0,
  "spacing_y": 1.0,
  "spacing_z": 1.0,
  "summary_bg_k": -0.1997115202007569,
  "summary_bg_mad": 17.50727245117877,
  "summary_bg_mean": 14.508979962212587,
  "summary_bg_median": 11.808475822210312,
  "summary_bg_n": 3592498.0,
  "summary_bg_p05": 0.0,
  "summary_bg_p95": 40.359105721116066,
  "summary_bg_stdv": 14.97530139368103,
  "summary_csf_k": 0.42940310962028194,
  "summary_csf_mad": 114.87648635773468,
  "summary_csf_mean": 1442.5689363174597,
  "summary_csf_median": 1439.906130567193,
  "summary_csf_n": 28546.0,
  "summary_csf_p05": 1251.7995371185243,
  "summary_csf_p95": 1643.0563986934721,
  "summary_csf_stdv": 119.23304026812157,
  "summary_gm_k": -1.4016160406512874,
  "summary_gm_mad": 1582.909246519078,
  "summary_gm_mean": 1929.7373184998148,
  "summary_gm_median": 2409.8187474161386,
  "summary_gm_n": 52950.0,
  "summary_gm_p05": 74.81397353112698,
  "summary_gm_p95": 3959.927882993966,
  "summary_gm_stdv": 1399.6288812666091,
  "summary_wm_k": 0.06692386787137128,
  "summary_wm_mad": 85.0181929307243,
  "summary_wm_mean": 1000.291376721514,
  "summary_wm_median": 999.9999662041664,
  "summary_wm_n": 190282.0,
  "summary_wm_p05": 861.0522193633021,
  "summary_wm_p95": 1139.27527692914,
  "summary_wm_stdv": 85.05527167394372,
  "tpm_overlap_csf": 0.09993400789335523,
  "tpm_overlap_gm": 0.11359814486549678,
  "tpm_overlap_wm": 0.463642294513928,
  "wm2max": 0.25967697897633
}