{
  "bids_meta": {
    "AcquisitionMatrixPE": 256,
    "AcquisitionNumber": 1,
    "AcquisitionTime": "15:12:14.000000",
    "BodyPartExamined": "BRAIN",
    "CoilString": "32Ch Head",
    "ConversionSoftware": "dcm2niix",
    "ConversionSoftwareVersion": "v1.0.20211006",
    "Dcm2bidsVersion": "2.1.6",
    "DeviceSerialNumber": "000301496MR3T6MR",
    "EchoTime": 0.00292,
    "FlipAngle": 8,
    "ImageOrientationPatientDICOM": [
      0,
      1,
      0,
      0,
      0,
      -1
    ],
    "ImageType": [
      "ORIGINAL",
      "PRIMARY",
      "OTHER"
    ],
    "ImagingFrequency": 127.697,
    "InPlanePhaseEncodingDirectionDICOM": "ROW",
    "InstitutionName": "NIH FMRIF",
    "InversionTime": 1.06,
    "MRAcquisitionType": "3D",
    "MagneticFieldStrength": 3,
    "Manufacturer": "GE",
    "ManufacturersModelName": "DISCOVERY MR750",
    "Modality": "MR",
    "ParallelReductionFactorInPlane": 2,
    "ParallelReductionOutOfPlane": 2,
    "PatientPosition": "HFS",
    "PercentPhaseFOV": 100,
    "PercentSampling": 100,
    "PixelBandwidth": 244.141,
    "ProcedureStepDescription": "MRI Brain",
    "ProtocolName": "ADNI3 FMRIF Enhanced Pro",
    "ReconMatrixPE": 256,
    "RepetitionTime": 0.006952,
    "SAR": 0.110244,
    "ScanOptions": "EDR_GEMS\\PROMO_GEMS\\ACC_GEMS\\IR_GEMS",
    "ScanningSequence": "RM",
    "SequenceVariant": "NONE",
    "SeriesDescription": "ORIG Anat T1w MP-RAGE 1mm (ABCD)",
    "SeriesNumber": 40003,
    "SliceThickness": 1,
    "SoftwareVersions": "27\\LX\\MR Software release:DV26.0_R03_1831.b",
    "SpacingBetweenSlices": 1,
    "StationName": "FMRI3tb",
    "acq_id": "MPRAGE",
    "dataset": "ds004215",
    "modality": "T1w",
    "session_id": "01",
    "subject_id": "ON58053"
  },
  "cjv": 0.36037509370606463,
  "cnr": 3.6610056226782013,
  "efc": 0.43030778273491094,
  "fber": 6162.957227497768,
  "fwhm_avg": 3.777813333333333,
  "fwhm_x": 3.59997,
  "fwhm_y": 3.93205,
  "fwhm_z": 3.80142,
  "icvs_csf": 0.1972488743729254,
  "icvs_gm": 0.43066416782087996,
  "icvs_wm": 0.37208695780619466,
  "inu_med": 0.7527319192886353,
  "inu_range": 0.47661893367767316,
  "provenance": {
    "md5sum": "955e0030840a3d13a50279f60cd05d31",
    "settings": {
      "testing": false
    },
    "software": "mriqc",
    "version": "22.0.6",
    "warnings": {
      "large_rot_frame": true,
      "small_air_mask": false
    },
    "webapi_port": null,
    "webapi_url": "https://mriqc.nimh.nih.gov/api/v1"
  },
  "qi_1": 0.0,
  "qi_2": 0.0016919412176105908,
  "rpve_csf": 30.327312410458454,
  "rpve_gm": 14.904889296852536,
  "rpve_wm": 20.443991659920126,
  "size_x": 208,
  "size_y": 256,
  "size_z": 256,
  "snr_csf": 1.0475391158645828,
  "snr_gm": 7.651458661966567,
  "snr_total": 9.932130954644522,
  "snr_wm": 21.09739508610242,
  "snrd_csf": 7.41021238773557,
  "snrd_gm": 42.34440129026667,
  "snrd_total": 38.48853055047295,
  "snrd_wm": 65.71097797341662,
  "spacing_x": 1.0,
  "spacing_y": 1.0,
  "spacing_z": 1.0,
  "summary_bg_k": 2.2161302054210177,
  "summary_bg_mad": 9.969968442515764,
  "summary_bg_mean": 10.061868393753105,
  "summary_bg_median": 8.801886811852455,
  "summary_bg_n": 3993154.0,
  "summary_bg_p05": 0.0,
  "summary_bg_p95": 28.870188742876053,
  "summary_bg_stdv": 9.74638759560144,
  "summary_csf_k": 1.6859255504912873,
  "summary_csf_mad": 71.46014030263918,
  "summary_csf_mean": 147.44027571872195,
  "summary_csf_median": 112.76977383345366,
  "summary_csf_n": 24257.0,
  "summary_csf_p05": 34.64422649145126,
  "summary_csf_p95": 380.56541970670224,
  "summary_csf_stdv": 107.64986970193644,
  "summary_gm_k": 0.0580420798433372,
  "summary_gm_mad": 82.47408449829794,
  "summary_gm_mean": 644.8857955307778,
  "summary_gm_median": 644.403737269342,
  "summary_gm_n": 28770.0,
  "summary_gm_p05": 506.9182652682066,
  "summary_gm_p95": 786.1334790911525,
  "summary_gm_stdv": 84.21826038796817,
  "summary_wm_k": 0.34612249475505497,
  "summary_wm_mad": 45.67393920000677,
  "summary_wm_mean": 999.4651586987975,
  "summary_wm_median": 999.9999644681811,
  "summary_wm_n": 221265.0,
  "summary_wm_p05": 920.5365303307772,
  "summary_wm_p95": 1075.9074363335967,
  "summary_wm_stdv": 47.39910783538569,
  "tpm_overlap_csf": 0.1518086175607166,
  "tpm_overlap_gm": 0.4466383888275038,
  "tpm_overlap_wm": 0.4966640694156011,
  "wm2max": 0.6395631614501238
}