{
  "bids_meta": {
    "AcquisitionMatrixPE": 256,
    "AcquisitionNumber": 1,
    "AcquisitionTime": "15:18:45.000000",
    "BodyPartExamined": "BRAIN",
    "CoilString": "32Ch Head",
    "ConversionSoftware": "dcm2niix",
    "ConversionSoftwareVersion": "v1.0.20211006",
    "Dcm2bidsVersion": "2.1.6",
    "DeviceSerialNumber": "000301496MR3T6MR",
    "EchoTime": 0.066091,
    "EchoTrainLength": 140,
    "FlipAngle": 90,
    "ImageOrientationPatientDICOM": [
      0,
      1,
      0,
      0,
      0,
      -1
    ],
    "ImageType": [
      "ORIGINAL",
      "PRIMARY",
      "OTHER"
    ],
    "ImagingFrequency": 127.697,
    "InPlanePhaseEncodingDirectionDICOM": "ROW",
    "InstitutionName": "NIH FMRIF",
    "MRAcquisitionType": "3D",
    "MagneticFieldStrength": 3,
    "Manufacturer": "GE",
    "ManufacturersModelName": "DISCOVERY MR750",
    "Modality": "MR",
    "ParallelReductionFactorInPlane": 2,
    "ParallelReductionOutOfPlane": 1.5,
    "PatientPosition": "HFS",
    "PercentPhaseFOV": 100,
    "PercentSampling": 100,
    "PhaseEncodingAxis": "i",
    "PixelBandwidth": 244.141,
    "ProcedureStepDescription": "MRI Brain",
    "ProtocolName": "ADNI3 FMRIF Enhanced Pro",
    "ReconMatrixPE": 256,
    "RepetitionTime": 3.202,
    "SAR": 0.4545,
    "ScanOptions": "SAT_GEMS\\EDR_GEMS\\PROMO_GEMS\\FILTERED_GEMS\\ACC_GEMS\\FS\\FR_GEMS",
    "ScanningSequence": "RM",
    "SequenceVariant": "NONE",
    "SeriesDescription": "Anat T2w CUBE (ABCD)",
    "SeriesNumber": 4,
    "SliceThickness": 1,
    "SoftwareVersions": "27\\LX\\MR Software release:DV26.0_R03_1831.b",
    "SpacingBetweenSlices": 1,
    "StationName": "FMRI3tb",
    "acq_id": "CUBE",
    "dataset": "ds004215",
    "modality": "T2w",
    "rec_id": "SCIC",
    "session_id": "01",
    "subject_id": "ON58053"
  },
  "cjv": 0.61608511417299,
  "cnr": 1.2528846086386618,
  "efc": 0.43630083858683094,
  "fber": 7353.062499999999,
  "fwhm_avg": 2.3143700000000003,
  "fwhm_x": 1.85278,
  "fwhm_y": 2.64279,
  "fwhm_z": 2.44754,
  "icvs_csf": 0.3556846549974157,
  "icvs_gm": 0.46317063545592196,
  "icvs_wm": 0.18114470954666234,
  "inu_med": 0.8828424215316772,
  "inu_range": 0.15735723972320548,
  "provenance": {
    "md5sum": "cb925b4dd374dde2d0dcdc83b60ad0e3",
    "settings": {
      "testing": false
    },
    "software": "mriqc",
    "version": "22.0.6",
    "warnings": {
      "large_rot_frame": true,
      "small_air_mask": false
    },
    "webapi_port": null,
    "webapi_url": "https://mriqc.nimh.nih.gov/api/v1"
  },
  "qi_1": 0.0,
  "qi_2": 0.016381461408656227,
  "rpve_csf": 16.995880885069752,
  "rpve_gm": 14.773482402081545,
  "rpve_wm": 37.868704198148045,
  "size_x": 204,
  "size_y": 256,
  "size_z": 256,
  "snr_csf": 12.290144340490656,
  "snr_gm": 13.426096324763055,
  "snr_total": 9.227813325845768,
  "snr_wm": 1.9671993122835951,
  "snrd_csf": 111.35805139527041,
  "snrd_gm": 77.27637517048134,
  "snrd_total": 133.99343959604633,
  "snrd_wm": 213.34589222238725,
  "spacing_x": 1.0,
  "spacing_y": 1.0,
  "spacing_z": 1.0,
  "summary_bg_k": 233.26216557988525,
  "summary_bg_mad": 0.0,
  "summary_bg_mean": 1.680306286487094,
  "summary_bg_median": 0.0,
  "summary_bg_n": 2990922.0,
  "summary_bg_p05": 0.0,
  "summary_bg_p95": 8.440175391733646,
  "summary_bg_stdv": 3.071388248276326,
  "summary_csf_k": 0.36045307146988703,
  "summary_csf_mad": 41.26450124547514,
  "summary_csf_mean": 523.33066712493,
  "summary_csf_median": 522.0650392901152,
  "summary_csf_n": 29099.0,
  "summary_csf_p05": 455.8498537763953,
  "summary_csf_p95": 594.63045200333,
  "summary_csf_stdv": 42.47761899713052,
  "summary_gm_k": 0.20031183602780667,
  "summary_gm_mad": 26.605920297624042,
  "summary_gm_mean": 361.7846422173158,
  "summary_gm_median": 362.28448086231947,
  "summary_gm_n": 173723.0,
  "summary_gm_p05": 317.04915989376605,
  "summary_gm_p95": 404.9676535576582,
  "summary_gm_stdv": 26.98352740739119,
  "summary_wm_k": -1.6556771529021126,
  "summary_wm_mad": 366.4049359688471,
  "summary_wm_mean": 727.5667827939305,
  "summary_wm_median": 1000.2009752318263,
  "summary_wm_n": 45081.0,
  "summary_wm_p05": 21.42196897044778,
  "summary_wm_p95": 1260.901916557923,
  "summary_wm_stdv": 508.43342387770474,
  "tpm_overlap_csf": 0.1066165029537663,
  "tpm_overlap_gm": 0.2916697578665426,
  "tpm_overlap_wm": 0.043514238076660015,
  "wm2max": 0.8040451035507739
}