{
  "aor": 0.035521111111111114,
  "aqi": 0.0005653433333333333,
  "bids_meta": {
    "AcquisitionMatrixPE": 64,
    "AcquisitionNumber": 1,
    "AcquisitionTime": "16:01:53.000000",
    "BodyPartExamined": "BRAIN",
    "CoilString": "32Ch Head",
    "ConversionSoftware": "dcm2niix",
    "ConversionSoftwareVersion": "v1.0.20211006",
    "Dcm2bidsVersion": "2.1.6",
    "DeviceSerialNumber": "000301496MR3T6MR",
    "EchoTime": 0.0169,
    "EffectiveEchoSpacing": 0.000416,
    "FlipAngle": 90,
    "ImageOrientationPatientDICOM": [
      1,
      0,
      0,
      0,
      1,
      0
    ],
    "ImageType": [
      "ORIGINAL",
      "PRIMARY",
      "OTHER"
    ],
    "ImagingFrequency": 127.697,
    "InPlanePhaseEncodingDirectionDICOM": "COL",
    "InstitutionName": "NIH FMRIF",
    "InternalPulseSequenceName": "EPI",
    "MRAcquisitionType": "2D",
    "MagneticFieldStrength": 3,
    "Manufacturer": "GE",
    "ManufacturersModelName": "DISCOVERY MR750",
    "Modality": "MR",
    "PatientPosition": "HFS",
    "PercentPhaseFOV": 100,
    "PercentSampling": 100,
    "PhaseEncodingDirection": "j-",
    "PhaseEncodingPolarityGE": "Unflipped",
    "PixelBandwidth": 7812.5,
    "ProcedureStepDescription": "MRI Brain",
    "ProtocolName": "ADNI3 FMRIF Enhanced Pro",
    "PulseSequenceName": "epi",
    "ReconMatrixPE": 64,
    "RepetitionTime": 3,
    "SAR": 0.17948,
    "ScanOptions": "MP_GEMS\\EPI_GEMS\\PFF",
    "ScanningSequence": "EP\\GR",
    "SequenceVariant": "SS",
    "SeriesDescription": "Axial rsfMRI reverse blip - RKV",
    "SeriesNumber": 12,
    "SliceThickness": 3.4,
    "SliceTiming": [
      0,
      1.5,
      0.0625,
      1.5625,
      0.125,
      1.625,
      0.1875,
      1.6875,
      0.25,
      1.75,
      0.3125,
      1.8125,
      0.375,
      1.875,
      0.4375,
      1.9375,
      0.5,
      2,
      0.5625,
      2.0625,
      0.625,
      2.125,
      0.6875,
      2.1875,
      0.75,
      2.25,
      0.8125,
      2.3125,
      0.875,
      2.375,
      0.9375,
      2.4375,
      1,
      2.5,
      1.0625,
      2.5625,
      1.125,
      2.625,
      1.1875,
      2.6875,
      1.25,
      2.75,
      1.3125,
      2.8125,
      1.375,
      2.875,
      1.4375,
      2.9375
    ],
    "SoftwareVersions": "27\\LX\\MR Software release:DV26.0_R01_1725.a",
    "SpacingBetweenSlices": 3.4,
    "StationName": "fmrif3tb",
    "TaskName": "Resting state with reverse blip.",
    "TotalReadoutTime": 0.026208,
    "TriggerDelayTime": 29938,
    "dataset": "ds004215",
    "modality": "bold",
    "session_id": "01",
    "subject_id": "ON87313",
    "task_id": "rest"
  },
  "dummy_trs": 1,
  "dvars_nstd": 12.55360651,
  "dvars_std": 1.428364695,
  "dvars_vstd": 1.38034643375,
  "efc": 0.48315187940979426,
  "fber": 4568.982421875,
  "fd_mean": 0.05827775749515437,
  "fd_num": 0,
  "fd_perc": 0.0,
  "fwhm_avg": 2.69101476000928,
  "fwhm_x": 2.561911272727273,
  "fwhm_y": 2.6145454545454547,
  "fwhm_z": 2.896587552755114,
  "gcor": 0.016457,
  "gsr_x": 0.002561739180237055,
  "gsr_y": 0.030749859288334846,
  "provenance": {
    "md5sum": "184129c7751a452c7576093e9e7f97f3",
    "settings": {
      "fd_thres": 0.2,
      "testing": false
    },
    "software": "mriqc",
    "version": "22.0.6",
    "webapi_port": null,
    "webapi_url": "https://mriqc.nimh.nih.gov/api/v1"
  },
  "size_t": 9,
  "size_x": 64,
  "size_y": 64,
  "size_z": 48,
  "snr": 4.392778469770263,
  "spacing_tr": 3.0,
  "spacing_x": 3.4375,
  "spacing_y": 3.4375,
  "spacing_z": 3.399993896484375,
  "summary_bg_k": 13.98893845237357,
  "summary_bg_mad": 12.519752381585008,
  "summary_bg_mean": 142.582763671875,
  "summary_bg_median": 35.88888931274414,
  "summary_bg_n": 130559.0,
  "summary_bg_p05": 24.11111068725586,
  "summary_bg_p95": 712.2222290039062,
  "summary_bg_stdv": 263.0677490234375,
  "summary_fg_k": 0.7530040720897619,
  "summary_fg_mad": 462.2425054503982,
  "summary_fg_mean": 2482.478515625,
  "summary_fg_median": 2403.111083984375,
  "summary_fg_n": 29018.0,
  "summary_fg_p05": 1701.9833374023438,
  "summary_fg_p95": 3532.5556640625,
  "summary_fg_stdv": 547.050048828125,
  "tsnr": 209.57747702300549
}