{
  "bids_meta": {
    "AcquisitionMatrixPE": 256,
    "AcquisitionNumber": 1,
    "AcquisitionTime": "15:08:55.000000",
    "BodyPartExamined": "BRAIN",
    "CoilString": "32Ch Head",
    "ConversionSoftware": "dcm2niix",
    "ConversionSoftwareVersion": "v1.0.20211006",
    "Dcm2bidsVersion": "2.1.6",
    "DeviceSerialNumber": "000301496MR3T6MR",
    "EchoTime": 0.00292,
    "FlipAngle": 8,
    "ImageOrientationPatientDICOM": [
      0,
      1,
      0,
      0,
      0,
      -1
    ],
    "ImageType": [
      "ORIGINAL",
      "PRIMARY",
      "OTHER"
    ],
    "ImagingFrequency": 127.696,
    "InPlanePhaseEncodingDirectionDICOM": "ROW",
    "InstitutionName": "NIH FMRIF",
    "InversionTime": 1.06,
    "MRAcquisitionType": "3D",
    "MagneticFieldStrength": 3,
    "Manufacturer": "GE",
    "ManufacturersModelName": "DISCOVERY MR750",
    "Modality": "MR",
    "ParallelReductionFactorInPlane": 2,
    "ParallelReductionOutOfPlane": 2,
    "PatientPosition": "HFS",
    "PercentPhaseFOV": 100,
    "PercentSampling": 100,
    "PixelBandwidth": 244.141,
    "ProcedureStepDescription": "MRI Brain",
    "ProtocolName": "ADNI3 FMRIF Enhanced Pro",
    "ReconMatrixPE": 256,
    "RepetitionTime": 0.006952,
    "SAR": 0.129057,
    "ScanOptions": "EDR_GEMS\\PROMO_GEMS\\FILTERED_GEMS\\ACC_GEMS\\IR_GEMS",
    "ScanningSequence": "RM",
    "SequenceVariant": "NONE",
    "SeriesDescription": "Anat T1w MP-RAGE 1mm (ABCD)",
    "SeriesNumber": 3,
    "SliceThickness": 1,
    "SoftwareVersions": "27\\LX\\MR Software release:DV26.0_R03_1831.b",
    "SpacingBetweenSlices": 1,
    "StationName": "FMRI3tb",
    "acq_id": "MPRAGE",
    "dataset": "ds004215",
    "modality": "T1w",
    "rec_id": "SCIC",
    "session_id": "01",
    "subject_id": "ON81734"
  },
  "cjv": 0.4025913029792025,
  "cnr": 3.382040805283325,
  "efc": 0.6902505073052858,
  "fber": 16514.872553102876,
  "fwhm_avg": 3.638256666666667,
  "fwhm_x": 3.54194,
  "fwhm_y": 3.79425,
  "fwhm_z": 3.57858,
  "icvs_csf": 0.23864821954759785,
  "icvs_gm": 0.3878854289193832,
  "icvs_wm": 0.3734663515330189,
  "inu_med": 0.5522925853729248,
  "inu_range": 0.09912501573562615,
  "provenance": {
    "md5sum": "da124e3e4b0f9066757c2167dd62cb9b",
    "settings": {
      "testing": false
    },
    "software": "mriqc",
    "version": "22.0.6",
    "warnings": {
      "large_rot_frame": true,
      "small_air_mask": false
    },
    "webapi_port": null,
    "webapi_url": "https://mriqc.nimh.nih.gov/api/v1"
  },
  "qi_1": 0.0,
  "qi_2": 0.002330972571829776,
  "rpve_csf": 24.23902709668182,
  "rpve_gm": 14.563963455325574,
  "rpve_wm": 18.062629536872777,
  "size_x": 208,
  "size_y": 256,
  "size_z": 256,
  "snr_csf": 1.8902029536752167,
  "snr_gm": 7.964293687872613,
  "snr_total": 9.238035018279325,
  "snr_wm": 17.859608413290147,
  "snrd_csf": 10.964060886729566,
  "snrd_gm": 40.57593915153902,
  "snrd_total": 37.676500138034335,
  "snrd_wm": 61.48950037583442,
  "spacing_x": 1.0,
  "spacing_y": 1.0,
  "spacing_z": 1.0,
  "summary_bg_k": 11.08212259041573,
  "summary_bg_mad": 0.0,
  "summary_bg_mean": 5.908101210544463,
  "summary_bg_median": 0.0,
  "summary_bg_n": 868654.0,
  "summary_bg_p05": 0.0,
  "summary_bg_p95": 29.362925089895725,
  "summary_bg_stdv": 10.654724350665344,
  "summary_csf_k": 1.9647207615121571,
  "summary_csf_mad": 73.62404431426894,
  "summary_csf_mean": 199.52038376408024,
  "summary_csf_median": 178.31255676224828,
  "summary_csf_n": 64851.0,
  "summary_csf_p05": 86.32278246805072,
  "summary_csf_p95": 392.6961754504591,
  "summary_csf_stdv": 94.3344108227973,
  "summary_gm_k": -0.06464159262286717,
  "summary_gm_mad": 82.61211766473701,
  "summary_gm_mean": 659.7467931810822,
  "summary_gm_median": 659.9014295786619,
  "summary_gm_n": 26334.0,
  "summary_gm_p05": 521.9958424419165,
  "summary_gm_p95": 796.8317669592798,
  "summary_gm_stdv": 82.85592242884766,
  "summary_wm_k": 0.33298979303046083,
  "summary_wm_mad": 54.31922590065489,
  "summary_wm_mean": 1000.7549864087865,
  "summary_wm_median": 1000.0263715535402,
  "summary_wm_n": 257930.0,
  "summary_wm_p05": 910.4615425989032,
  "summary_wm_p95": 1093.913929156959,
  "summary_wm_stdv": 55.9936371418943,
  "tpm_overlap_csf": 0.15867282003528474,
  "tpm_overlap_gm": 0.4353660198141181,
  "tpm_overlap_wm": 0.5036349370206706,
  "wm2max": 0.6346285733402472
}