{
  "bids_meta": {
    "AcquisitionMatrixPE": 256,
    "AcquisitionNumber": 1,
    "AcquisitionTime": "15:08:55.000000",
    "BodyPartExamined": "BRAIN",
    "CoilString": "32Ch Head",
    "ConversionSoftware": "dcm2niix",
    "ConversionSoftwareVersion": "v1.0.20211006",
    "Dcm2bidsVersion": "2.1.6",
    "DeviceSerialNumber": "000301496MR3T6MR",
    "EchoTime": 0.00292,
    "FlipAngle": 8,
    "ImageOrientationPatientDICOM": [
      0,
      1,
      0,
      0,
      0,
      -1
    ],
    "ImageType": [
      "ORIGINAL",
      "PRIMARY",
      "OTHER"
    ],
    "ImagingFrequency": 127.696,
    "InPlanePhaseEncodingDirectionDICOM": "ROW",
    "InstitutionName": "NIH FMRIF",
    "InversionTime": 1.06,
    "MRAcquisitionType": "3D",
    "MagneticFieldStrength": 3,
    "Manufacturer": "GE",
    "ManufacturersModelName": "DISCOVERY MR750",
    "Modality": "MR",
    "ParallelReductionFactorInPlane": 2,
    "ParallelReductionOutOfPlane": 2,
    "PatientPosition": "HFS",
    "PercentPhaseFOV": 100,
    "PercentSampling": 100,
    "PixelBandwidth": 244.141,
    "ProcedureStepDescription": "MRI Brain",
    "ProtocolName": "ADNI3 FMRIF Enhanced Pro",
    "ReconMatrixPE": 256,
    "RepetitionTime": 0.006952,
    "SAR": 0.129057,
    "ScanOptions": "EDR_GEMS\\PROMO_GEMS\\ACC_GEMS\\IR_GEMS",
    "ScanningSequence": "RM",
    "SequenceVariant": "NONE",
    "SeriesDescription": "ORIG Anat T1w MP-RAGE 1mm (ABCD)",
    "SeriesNumber": 40003,
    "SliceThickness": 1,
    "SoftwareVersions": "27\\LX\\MR Software release:DV26.0_R03_1831.b",
    "SpacingBetweenSlices": 1,
    "StationName": "FMRI3tb",
    "acq_id": "MPRAGE",
    "dataset": "ds004215",
    "modality": "T1w",
    "session_id": "01",
    "subject_id": "ON81734"
  },
  "cjv": 0.4336676099917025,
  "cnr": 3.1145491963789933,
  "efc": 0.4690664732111608,
  "fber": 2364.596667624246,
  "fwhm_avg": 3.936166666666667,
  "fwhm_x": 3.86084,
  "fwhm_y": 4.02324,
  "fwhm_z": 3.92442,
  "icvs_csf": 0.23078433033067505,
  "icvs_gm": 0.38939710268510164,
  "icvs_wm": 0.37981856698422334,
  "inu_med": 0.9291514158248901,
  "inu_range": 0.6055877447128295,
  "provenance": {
    "md5sum": "30bf6a7476d11d76458999f82ecdca17",
    "settings": {
      "testing": false
    },
    "software": "mriqc",
    "version": "22.0.6",
    "warnings": {
      "large_rot_frame": true,
      "small_air_mask": false
    },
    "webapi_port": null,
    "webapi_url": "https://mriqc.nimh.nih.gov/api/v1"
  },
  "qi_1": 0.0,
  "qi_2": 0.0010754277559436145,
  "rpve_csf": 25.095349961742183,
  "rpve_gm": 14.559911888080126,
  "rpve_wm": 17.74455188527886,
  "size_x": 208,
  "size_y": 256,
  "size_z": 256,
  "snr_csf": 1.3100425718232789,
  "snr_gm": 7.417864519679785,
  "snr_total": 8.243684562100377,
  "snr_wm": 16.003146594798068,
  "snrd_csf": 4.409454596568867,
  "snrd_gm": 22.112885881487482,
  "snrd_total": 20.052551594842896,
  "snrd_wm": 33.63531430647233,
  "spacing_x": 1.0,
  "spacing_y": 1.0,
  "spacing_z": 1.0,
  "summary_bg_k": 5.606756741314632,
  "summary_bg_mad": 19.478411703617574,
  "summary_bg_mean": 17.287085720581047,
  "summary_bg_median": 13.735170364379883,
  "summary_bg_n": 3926495.0,
  "summary_bg_p05": 0.0,
  "summary_bg_p95": 52.31308364868164,
  "summary_bg_stdv": 18.39981020891849,
  "summary_csf_k": 2.420900258202792,
  "summary_csf_mad": 72.54232722347272,
  "summary_csf_mean": 156.9000780851921,
  "summary_csf_median": 131.10120582580566,
  "summary_csf_n": 56178.0,
  "summary_csf_p05": 43.07667922973633,
  "summary_csf_p95": 368.4210624694824,
  "summary_csf_stdv": 100.07311350237107,
  "summary_gm_k": -0.025711802560275387,
  "summary_gm_mad": 88.4201840364216,
  "summary_gm_mean": 657.6158142425489,
  "summary_gm_median": 657.4568214416504,
  "summary_gm_n": 22901.0,
  "summary_gm_p05": 511.2270221710205,
  "summary_gm_p95": 804.4828624725342,
  "summary_gm_stdv": 88.62961371364074,
  "summary_wm_k": 0.4862039722737874,
  "summary_wm_mad": 60.14697432117064,
  "summary_wm_mean": 1002.3295025424152,
  "summary_wm_median": 1000.0398387908936,
  "summary_wm_n": 256401.0,
  "summary_wm_p05": 904.5306396484375,
  "summary_wm_p95": 1108.1296577453613,
  "summary_wm_stdv": 62.490078605289746,
  "tpm_overlap_csf": 0.1623270939075557,
  "tpm_overlap_gm": 0.4358621279668639,
  "tpm_overlap_wm": 0.5003808846945518,
  "wm2max": 0.45568576153700285
}