{
  "aor": 0.003921212121212121,
  "aqi": 0.003439473535353535,
  "bids_meta": {
    "AcquisitionMatrixPE": 64,
    "AcquisitionNumber": 1,
    "AcquisitionTime": "15:52:1.000000",
    "BodyPartExamined": "BRAIN",
    "CoilString": "32Ch Head",
    "ConversionSoftware": "dcm2niix",
    "ConversionSoftwareVersion": "v1.0.20211006",
    "Dcm2bidsVersion": "2.1.6",
    "DeviceSerialNumber": "000301496MR3T6MR",
    "EchoTime": 0.0169,
    "EffectiveEchoSpacing": 0.000416,
    "FlipAngle": 90,
    "ImageOrientationPatientDICOM": [
      1,
      0,
      0,
      0,
      1,
      0
    ],
    "ImageType": [
      "ORIGINAL",
      "PRIMARY",
      "OTHER"
    ],
    "ImagingFrequency": 127.697,
    "InPlanePhaseEncodingDirectionDICOM": "COL",
    "InstitutionName": "NIH FMRIF",
    "InternalPulseSequenceName": "EPI",
    "MRAcquisitionType": "2D",
    "MagneticFieldStrength": 3,
    "Manufacturer": "GE",
    "ManufacturersModelName": "DISCOVERY MR750",
    "Modality": "MR",
    "PatientPosition": "HFS",
    "PercentPhaseFOV": 100,
    "PercentSampling": 100,
    "PhaseEncodingDirection": "j",
    "PhaseEncodingPolarityGE": "Flipped",
    "PixelBandwidth": 7812.5,
    "ProcedureStepDescription": "MRI Brain",
    "ProtocolName": "ADNI3 FMRIF Enhanced Pro",
    "PulseSequenceName": "epi",
    "ReconMatrixPE": 64,
    "RepetitionTime": 3,
    "SAR": 0.246074,
    "ScanOptions": "MP_GEMS\\EPI_GEMS\\PFF",
    "ScanningSequence": "EP\\GR",
    "SequenceVariant": "SS",
    "SeriesDescription": "Axial rsfMRI with Eyes Open - RKV",
    "SeriesNumber": 11,
    "SliceThickness": 3.4,
    "SliceTiming": [
      0,
      1.5,
      0.0625,
      1.5625,
      0.125,
      1.625,
      0.1875,
      1.6875,
      0.25,
      1.75,
      0.3125,
      1.8125,
      0.375,
      1.875,
      0.4375,
      1.9375,
      0.5,
      2,
      0.5625,
      2.0625,
      0.625,
      2.125,
      0.6875,
      2.1875,
      0.75,
      2.25,
      0.8125,
      2.3125,
      0.875,
      2.375,
      0.9375,
      2.4375,
      1,
      2.5,
      1.0625,
      2.5625,
      1.125,
      2.625,
      1.1875,
      2.6875,
      1.25,
      2.75,
      1.3125,
      2.8125,
      1.375,
      2.875,
      1.4375,
      2.9375
    ],
    "SoftwareVersions": "27\\LX\\MR Software release:DV26.0_R01_1725.a",
    "SpacingBetweenSlices": 3.4,
    "StationName": "fmrif3tb",
    "TaskName": "Resting state with eyes open.",
    "TotalReadoutTime": 0.026208,
    "TriggerDelayTime": 599938,
    "dataset": "ds004215",
    "modality": "bold",
    "session_id": "01",
    "subject_id": "ON82798",
    "task_id": "rest"
  },
  "dummy_trs": 2,
  "dvars_nstd": 13.710946876802032,
  "dvars_std": 1.1291195591370553,
  "dvars_vstd": 0.9279179563959391,
  "efc": 0.5004455662564902,
  "fber": 4273.53076171875,
  "fd_mean": 0.11353055594784935,
  "fd_num": 21,
  "fd_perc": 10.606060606060606,
  "fwhm_avg": 2.8854740563724963,
  "fwhm_x": 2.863333818181818,
  "fwhm_y": 2.6190603636363634,
  "fwhm_z": 3.174027987299308,
  "gcor": 0.0186423,
  "gsr_x": -0.013368425890803337,
  "gsr_y": 0.06692369282245636,
  "provenance": {
    "md5sum": "082c36a6889f4714c874911b062ce42f",
    "settings": {
      "fd_thres": 0.2,
      "testing": false
    },
    "software": "mriqc",
    "version": "22.0.6",
    "webapi_port": null,
    "webapi_url": "https://mriqc.nimh.nih.gov/api/v1"
  },
  "size_t": 198,
  "size_x": 64,
  "size_y": 64,
  "size_z": 48,
  "snr": 3.474578341672883,
  "spacing_tr": 3.0,
  "spacing_x": 3.4375,
  "spacing_y": 3.4375,
  "spacing_z": 3.4000015258789062,
  "summary_bg_k": 15.989882170633752,
  "summary_bg_mad": 19.303781314591706,
  "summary_bg_mean": 192.51246643066406,
  "summary_bg_median": 41.65151596069336,
  "summary_bg_n": 126293.0,
  "summary_bg_p05": 22.176767349243164,
  "summary_bg_p95": 1049.8585693359366,
  "summary_bg_stdv": 378.1984558105469,
  "summary_fg_k": 3.147250153028657,
  "summary_fg_mad": 648.5000195833643,
  "summary_fg_mean": 2823.281494140625,
  "summary_fg_median": 2684.94189453125,
  "summary_fg_n": 31752.0,
  "summary_fg_p05": 1838.3568359375,
  "summary_fg_p95": 4219.708203124999,
  "summary_fg_stdv": 772.7267456054688,
  "tsnr": 91.43988290149719
}