{
  "bids_meta": {
    "AcquisitionMatrixPE": 256,
    "AcquisitionNumber": 1,
    "AcquisitionTime": "14:14:11.000000",
    "BodyPartExamined": "BRAIN",
    "CoilString": "32Ch Head",
    "ConversionSoftware": "dcm2niix",
    "ConversionSoftwareVersion": "v1.0.20211006",
    "Dcm2bidsVersion": "2.1.6",
    "DeviceSerialNumber": "000301496MR3T6MR",
    "EchoTime": 0.065753,
    "EchoTrainLength": 140,
    "FlipAngle": 90,
    "ImageOrientationPatientDICOM": [
      0,
      1,
      0,
      0,
      0,
      -1
    ],
    "ImageType": [
      "ORIGINAL",
      "PRIMARY",
      "OTHER"
    ],
    "ImagingFrequency": 127.696,
    "InPlanePhaseEncodingDirectionDICOM": "ROW",
    "InstitutionName": "NIH FMRIF",
    "MRAcquisitionType": "3D",
    "MagneticFieldStrength": 3,
    "Manufacturer": "GE",
    "ManufacturersModelName": "DISCOVERY MR750",
    "Modality": "MR",
    "ParallelReductionFactorInPlane": 2,
    "ParallelReductionOutOfPlane": 1.5,
    "PatientPosition": "HFS",
    "PercentPhaseFOV": 100,
    "PercentSampling": 100,
    "PhaseEncodingAxis": "i",
    "PixelBandwidth": 244.141,
    "ProcedureStepDescription": "MRI Brain",
    "ProtocolName": "ADNI3 FMRIF Enhanced Pro",
    "ReconMatrixPE": 256,
    "RepetitionTime": 3.202,
    "SAR": 0.4476,
    "ScanOptions": "SAT_GEMS\\EDR_GEMS\\PROMO_GEMS\\FILTERED_GEMS\\ACC_GEMS\\FS\\FR_GEMS",
    "ScanningSequence": "RM",
    "SequenceVariant": "NONE",
    "SeriesDescription": "Anat T2w CUBE (ABCD)",
    "SeriesNumber": 4,
    "SliceThickness": 1,
    "SoftwareVersions": "27\\LX\\MR Software release:DV26.0_R03_1831.b",
    "SpacingBetweenSlices": 1,
    "StationName": "FMRI3tb",
    "acq_id": "CUBE",
    "dataset": "ds004215",
    "modality": "T2w",
    "rec_id": "SCIC",
    "session_id": "01",
    "subject_id": "ON72082"
  },
  "cjv": 0.5585729556075095,
  "cnr": 2.414719398323285,
  "efc": 0.42762580348297047,
  "fber": 8105.428044746345,
  "fwhm_avg": 2.3635633333333335,
  "fwhm_x": 1.94814,
  "fwhm_y": 2.66047,
  "fwhm_z": 2.48208,
  "icvs_csf": 0.24566990606743866,
  "icvs_gm": 0.20910135192299564,
  "icvs_wm": 0.5452287420095657,
  "inu_med": 0.7832867801189423,
  "inu_range": 0.16699253022670746,
  "provenance": {
    "md5sum": "737126ef69bbc8f4315630245b821685",
    "settings": {
      "testing": false
    },
    "software": "mriqc",
    "version": "22.0.6",
    "warnings": {
      "large_rot_frame": true,
      "small_air_mask": false
    },
    "webapi_port": null,
    "webapi_url": "https://mriqc.nimh.nih.gov/api/v1"
  },
  "qi_1": 0.0,
  "qi_2": 0.02282850815572669,
  "rpve_csf": 27.83183975907892,
  "rpve_gm": 24.911196990989502,
  "rpve_wm": 12.535390295757704,
  "size_x": 204,
  "size_y": 256,
  "size_z": 256,
  "snr_csf": 2.418183352631893,
  "snr_gm": 11.23478159622415,
  "snr_total": 8.282071529794422,
  "snr_wm": 11.19324964052722,
  "snrd_csf": 113.58405931641651,
  "snrd_gm": 55.988601313476906,
  "snrd_total": 70.18231750151507,
  "snrd_wm": 40.97429187465179,
  "spacing_x": 1.0,
  "spacing_y": 1.0,
  "spacing_z": 1.0,
  "summary_bg_k": 1090.96208885219,
  "summary_bg_mad": 0.0,
  "summary_bg_mean": 6.416698539754947,
  "summary_bg_median": 0.0,
  "summary_bg_n": 2901903.0,
  "summary_bg_p05": 0.0,
  "summary_bg_p95": 24.00389251112938,
  "summary_bg_stdv": 15.991555320667658,
  "summary_csf_k": -0.8172302343513413,
  "summary_csf_mad": 746.1904820396796,
  "summary_csf_mean": 2258.5962518515225,
  "summary_csf_median": 2772.5306792669,
  "summary_csf_n": 90568.0,
  "summary_csf_p05": 109.06363188587132,
  "summary_csf_p95": 3363.4102810695767,
  "summary_csf_stdv": 1146.5281860694952,
  "summary_gm_k": 0.6393089787400328,
  "summary_gm_mad": 115.421267966823,
  "summary_gm_mean": 1367.4746606915194,
  "summary_gm_median": 1366.6540513262153,
  "summary_gm_n": 7589.0,
  "summary_gm_p05": 1175.3473530381918,
  "summary_gm_p95": 1569.0652530416846,
  "summary_gm_stdv": 121.63690009289925,
  "summary_wm_k": 0.09459343635923645,
  "summary_wm_mad": 89.29117535766723,
  "summary_wm_mean": 1002.4265251324919,
  "summary_wm_median": 1000.1621879637241,
  "summary_wm_n": 233906.0,
  "summary_wm_p05": 860.3016701117158,
  "summary_wm_p95": 1152.2409033551812,
  "summary_wm_stdv": 89.35385898860378,
  "tpm_overlap_csf": 0.13981491937018947,
  "tpm_overlap_gm": 0.2801294725073513,
  "tpm_overlap_wm": 0.43064187652520464,
  "wm2max": 0.2965979414499631
}