{
  "bids_meta": {
    "AcquisitionMatrixPE": 256,
    "AcquisitionNumber": 1,
    "AcquisitionTime": "14:14:11.000000",
    "BodyPartExamined": "BRAIN",
    "CoilString": "32Ch Head",
    "ConversionSoftware": "dcm2niix",
    "ConversionSoftwareVersion": "v1.0.20211006",
    "Dcm2bidsVersion": "2.1.6",
    "DeviceSerialNumber": "000301496MR3T6MR",
    "EchoTime": 0.065753,
    "EchoTrainLength": 140,
    "FlipAngle": 90,
    "ImageOrientationPatientDICOM": [
      0,
      1,
      0,
      0,
      0,
      -1
    ],
    "ImageType": [
      "ORIGINAL",
      "PRIMARY",
      "OTHER"
    ],
    "ImagingFrequency": 127.696,
    "InPlanePhaseEncodingDirectionDICOM": "ROW",
    "InstitutionName": "NIH FMRIF",
    "MRAcquisitionType": "3D",
    "MagneticFieldStrength": 3,
    "Manufacturer": "GE",
    "ManufacturersModelName": "DISCOVERY MR750",
    "Modality": "MR",
    "ParallelReductionFactorInPlane": 2,
    "ParallelReductionOutOfPlane": 1.5,
    "PatientPosition": "HFS",
    "PercentPhaseFOV": 100,
    "PercentSampling": 100,
    "PhaseEncodingAxis": "i",
    "PixelBandwidth": 244.141,
    "ProcedureStepDescription": "MRI Brain",
    "ProtocolName": "ADNI3 FMRIF Enhanced Pro",
    "ReconMatrixPE": 256,
    "RepetitionTime": 3.202,
    "SAR": 0.4476,
    "ScanOptions": "SAT_GEMS\\EDR_GEMS\\PROMO_GEMS\\ACC_GEMS\\FS\\FR_GEMS",
    "ScanningSequence": "RM",
    "SequenceVariant": "NONE",
    "SeriesDescription": "ORIG Anat T2w CUBE (ABCD)",
    "SeriesNumber": 40004,
    "SliceThickness": 1,
    "SoftwareVersions": "27\\LX\\MR Software release:DV26.0_R03_1831.b",
    "SpacingBetweenSlices": 1,
    "StationName": "FMRI3tb",
    "acq_id": "CUBE",
    "dataset": "ds004215",
    "modality": "T2w",
    "session_id": "01",
    "subject_id": "ON72082"
  },
  "cjv": 0.564290388318873,
  "cnr": 2.4279509817989977,
  "efc": 0.3823684254011694,
  "fber": -1.0,
  "fwhm_avg": 2.5451766666666664,
  "fwhm_x": 2.11976,
  "fwhm_y": 2.79979,
  "fwhm_z": 2.71598,
  "icvs_csf": 0.2428338025595745,
  "icvs_gm": 0.21525439248764255,
  "icvs_wm": 0.5419118049527829,
  "inu_med": 0.9340259432792664,
  "inu_range": 0.5710339605808255,
  "provenance": {
    "md5sum": "a7ee05c6bbc1acb65690d981f9e36dda",
    "settings": {
      "testing": false
    },
    "software": "mriqc",
    "version": "22.0.6",
    "warnings": {
      "large_rot_frame": true,
      "small_air_mask": false
    },
    "webapi_port": null,
    "webapi_url": "https://mriqc.nimh.nih.gov/api/v1"
  },
  "qi_1": 1.7745437141098535e-06,
  "qi_2": 0.023013517849559552,
  "rpve_csf": 28.163363637516326,
  "rpve_gm": 24.11676979533765,
  "rpve_wm": 12.571243178017111,
  "size_x": 204,
  "size_y": 256,
  "size_z": 256,
  "snr_csf": 2.3768336698096624,
  "snr_gm": 11.317893841296177,
  "snr_total": 8.134419356966971,
  "snr_wm": 10.708530559795074,
  "snrd_csf": 151.00059220561656,
  "snrd_gm": 74.69182097271046,
  "snrd_total": 93.36696975306278,
  "snrd_wm": 54.40849608086128,
  "spacing_x": 1.0,
  "spacing_y": 1.0,
  "spacing_z": 1.0,
  "summary_bg_k": 5.201196653189644,
  "summary_bg_mad": 0.0,
  "summary_bg_mean": 9.557601674038644,
  "summary_bg_median": 0.0,
  "summary_bg_n": 3698160.0,
  "summary_bg_p05": 0.0,
  "summary_bg_p95": 32.420849941670895,
  "summary_bg_stdv": 12.043565482520684,
  "summary_csf_k": -0.7978955108332371,
  "summary_csf_mad": 756.5719572118643,
  "summary_csf_mean": 2262.9626057338182,
  "summary_csf_median": 2775.8883800804615,
  "summary_csf_n": 87494.0,
  "summary_csf_p05": 108.73773338645697,
  "summary_csf_p95": 3623.6936060551548,
  "summary_csf_stdv": 1167.8867360332972,
  "summary_gm_k": 0.4968341465600399,
  "summary_gm_mad": 116.83717572765175,
  "summary_gm_mean": 1375.3820999310897,
  "summary_gm_median": 1373.081753499806,
  "summary_gm_n": 7236.0,
  "summary_gm_p05": 1180.2157165333629,
  "summary_gm_p95": 1576.679852200672,
  "summary_gm_stdv": 121.31116362877304,
  "summary_wm_k": 0.07890236507854986,
  "summary_wm_mad": 93.57222933275969,
  "summary_wm_mean": 1002.5261901238733,
  "summary_wm_median": 1000.2074153646827,
  "summary_wm_n": 237691.0,
  "summary_wm_p05": 853.6568783149123,
  "summary_wm_p95": 1159.3391777649522,
  "summary_wm_stdv": 93.40266675896322,
  "tpm_overlap_csf": 0.14529604614815975,
  "tpm_overlap_gm": 0.28108699393278497,
  "tpm_overlap_wm": 0.4419552109563495,
  "wm2max": 0.2701355438557186
}