{
  "aor": 0.03569777777777778,
  "aqi": 0.0021322042222222224,
  "bids_meta": {
    "AcquisitionMatrixPE": 64,
    "AcquisitionNumber": 1,
    "AcquisitionTime": "15:04:35.000000",
    "BodyPartExamined": "BRAIN",
    "CoilString": "32Ch Head",
    "ConversionSoftware": "dcm2niix",
    "ConversionSoftwareVersion": "v1.0.20211006",
    "Dcm2bidsVersion": "2.1.6",
    "DeviceSerialNumber": "000301496MR3T6MR",
    "EchoTime": 0.0169,
    "EffectiveEchoSpacing": 0.000416,
    "FlipAngle": 90,
    "ImageOrientationPatientDICOM": [
      1,
      0,
      0,
      0,
      1,
      0
    ],
    "ImageType": [
      "ORIGINAL",
      "PRIMARY",
      "OTHER"
    ],
    "ImagingFrequency": 127.697,
    "InPlanePhaseEncodingDirectionDICOM": "COL",
    "InstitutionName": "NIH FMRIF",
    "InternalPulseSequenceName": "EPI",
    "MRAcquisitionType": "2D",
    "MagneticFieldStrength": 3,
    "Manufacturer": "GE",
    "ManufacturersModelName": "DISCOVERY MR750",
    "Modality": "MR",
    "PatientPosition": "HFS",
    "PercentPhaseFOV": 100,
    "PercentSampling": 100,
    "PhaseEncodingDirection": "j-",
    "PhaseEncodingPolarityGE": "Unflipped",
    "PixelBandwidth": 7812.5,
    "ProcedureStepDescription": "MRI Brain",
    "ProtocolName": "ADNI3 FMRIF Enhanced Pro",
    "PulseSequenceName": "epi",
    "ReconMatrixPE": 64,
    "RepetitionTime": 3,
    "SAR": 0.163387,
    "ScanOptions": "MP_GEMS\\EPI_GEMS\\PFF",
    "ScanningSequence": "EP\\GR",
    "SequenceVariant": "SS",
    "SeriesDescription": "Axial rsfMRI reverse blip - RKV",
    "SeriesNumber": 12,
    "SliceThickness": 3.4,
    "SliceTiming": [
      0,
      1.5,
      0.0625,
      1.5625,
      0.125,
      1.625,
      0.1875,
      1.6875,
      0.25,
      1.75,
      0.3125,
      1.8125,
      0.375,
      1.875,
      0.4375,
      1.9375,
      0.5,
      2,
      0.5625,
      2.0625,
      0.625,
      2.125,
      0.6875,
      2.1875,
      0.75,
      2.25,
      0.8125,
      2.3125,
      0.875,
      2.375,
      0.9375,
      2.4375,
      1,
      2.5,
      1.0625,
      2.5625,
      1.125,
      2.625,
      1.1875,
      2.6875,
      1.25,
      2.75,
      1.3125,
      2.8125,
      1.375,
      2.875,
      1.4375,
      2.9375
    ],
    "SoftwareVersions": "27\\LX\\MR Software release:DV26.0_R01_1725.a",
    "SpacingBetweenSlices": 3.4,
    "StationName": "fmrif3tb",
    "TaskName": "Resting state with reverse blip.",
    "TotalReadoutTime": 0.026208,
    "TriggerDelayTime": 29938,
    "dataset": "ds004215",
    "modality": "bold",
    "session_id": "01",
    "subject_id": "ON13986",
    "task_id": "rest"
  },
  "dummy_trs": 1,
  "dvars_nstd": 18.323942065,
  "dvars_std": 1.35491214625,
  "dvars_vstd": 1.34608163,
  "efc": 0.4625140393417679,
  "fber": 5066.06103515625,
  "fd_mean": 0.10792395294676146,
  "fd_num": 1,
  "fd_perc": 11.11111111111111,
  "fwhm_avg": 2.789430369864313,
  "fwhm_x": 2.7219374545454547,
  "fwhm_y": 2.661413818181818,
  "fwhm_z": 2.9849398368656663,
  "gcor": 0.024549,
  "gsr_x": -0.0011613816022872925,
  "gsr_y": 0.02330768294632435,
  "provenance": {
    "md5sum": "3d2ab12d48b262f43cf3e3f464738ad6",
    "settings": {
      "fd_thres": 0.2,
      "testing": false
    },
    "software": "mriqc",
    "version": "22.0.6",
    "webapi_port": null,
    "webapi_url": "https://mriqc.nimh.nih.gov/api/v1"
  },
  "size_t": 9,
  "size_x": 64,
  "size_y": 64,
  "size_z": 48,
  "snr": 4.20434142904626,
  "spacing_tr": 3.0,
  "spacing_x": 3.4375,
  "spacing_y": 3.4375,
  "spacing_z": 3.4000015258789062,
  "summary_bg_k": 15.838857731388323,
  "summary_bg_mad": 9.884016675263556,
  "summary_bg_mean": 116.1849365234375,
  "summary_bg_median": 33.66666793823242,
  "summary_bg_n": 132754.0,
  "summary_bg_p05": 24.22222328186035,
  "summary_bg_p95": 588.705566406249,
  "summary_bg_stdv": 214.69076538085938,
  "summary_fg_k": 0.5955088395681538,
  "summary_fg_mad": 501.28424321656826,
  "summary_fg_mean": 2467.923583984375,
  "summary_fg_median": 2383.5556640625,
  "summary_fg_n": 27509.0,
  "summary_fg_p05": 1647.15556640625,
  "summary_fg_p95": 3526.95556640625,
  "summary_fg_stdv": 566.9169311523438,
  "tsnr": 144.68975836783648
}