{
  "aor": 0.00545386934673367,
  "aqi": 0.0027938108040201004,
  "bids_meta": {
    "AcquisitionMatrixPE": 64,
    "AcquisitionNumber": 1,
    "AcquisitionTime": "14:53:28.000000",
    "BodyPartExamined": "BRAIN",
    "CoilString": "32Ch Head",
    "ConversionSoftware": "dcm2niix",
    "ConversionSoftwareVersion": "v1.0.20211006",
    "Dcm2bidsVersion": "2.1.6",
    "DeviceSerialNumber": "000301496MR3T6MR",
    "EchoTime": 0.0169,
    "EffectiveEchoSpacing": 0.000416,
    "FlipAngle": 90,
    "ImageOrientationPatientDICOM": [
      1,
      0,
      0,
      0,
      1,
      0
    ],
    "ImageType": [
      "ORIGINAL",
      "PRIMARY",
      "OTHER"
    ],
    "ImagingFrequency": 127.697,
    "InPlanePhaseEncodingDirectionDICOM": "COL",
    "InstitutionName": "NIH FMRIF",
    "InternalPulseSequenceName": "EPI",
    "MRAcquisitionType": "2D",
    "MagneticFieldStrength": 3,
    "Manufacturer": "GE",
    "ManufacturersModelName": "DISCOVERY MR750",
    "Modality": "MR",
    "PatientPosition": "HFS",
    "PercentPhaseFOV": 100,
    "PercentSampling": 100,
    "PhaseEncodingDirection": "j",
    "PhaseEncodingPolarityGE": "Flipped",
    "PixelBandwidth": 7812.5,
    "ProcedureStepDescription": "MRI Brain",
    "ProtocolName": "ADNI3 FMRIF Enhanced Pro",
    "PulseSequenceName": "epi",
    "ReconMatrixPE": 64,
    "RepetitionTime": 3,
    "SAR": 0.163387,
    "ScanOptions": "MP_GEMS\\EPI_GEMS\\PFF",
    "ScanningSequence": "EP\\GR",
    "SequenceVariant": "SS",
    "SeriesDescription": "Axial rsfMRI with Eyes Open - RKV",
    "SeriesNumber": 11,
    "SliceThickness": 3.4,
    "SliceTiming": [
      0,
      1.5,
      0.0625,
      1.5625,
      0.125,
      1.625,
      0.1875,
      1.6875,
      0.25,
      1.75,
      0.3125,
      1.8125,
      0.375,
      1.875,
      0.4375,
      1.9375,
      0.5,
      2,
      0.5625,
      2.0625,
      0.625,
      2.125,
      0.6875,
      2.1875,
      0.75,
      2.25,
      0.8125,
      2.3125,
      0.875,
      2.375,
      0.9375,
      2.4375,
      1,
      2.5,
      1.0625,
      2.5625,
      1.125,
      2.625,
      1.1875,
      2.6875,
      1.25,
      2.75,
      1.3125,
      2.8125,
      1.375,
      2.875,
      1.4375,
      2.9375
    ],
    "SoftwareVersions": "27\\LX\\MR Software release:DV26.0_R01_1725.a",
    "SpacingBetweenSlices": 3.4,
    "StationName": "fmrif3tb",
    "TaskName": "Resting state with eyes open.",
    "TotalReadoutTime": 0.026208,
    "TriggerDelayTime": 599938,
    "dataset": "ds004215",
    "modality": "bold",
    "session_id": "01",
    "subject_id": "ON13986",
    "task_id": "rest"
  },
  "dummy_trs": 1,
  "dvars_nstd": 14.891361043686873,
  "dvars_std": 1.2397367659090917,
  "dvars_vstd": 0.9768666261616156,
  "efc": 0.4629344582747949,
  "fber": 4638.66015625,
  "fd_mean": 0.12337347187295244,
  "fd_num": 21,
  "fd_perc": 10.552763819095478,
  "fwhm_avg": 2.8410047642841136,
  "fwhm_x": 2.831496727272727,
  "fwhm_y": 2.6025483636363638,
  "fwhm_z": 3.0889692019432506,
  "gcor": 0.0245522,
  "gsr_x": 0.0004831108672078699,
  "gsr_y": 0.03432140126824379,
  "provenance": {
    "md5sum": "fc25f1b656a32cc1b0ad3ee4e91077d7",
    "settings": {
      "fd_thres": 0.2,
      "testing": false
    },
    "software": "mriqc",
    "version": "22.0.6",
    "webapi_port": null,
    "webapi_url": "https://mriqc.nimh.nih.gov/api/v1"
  },
  "size_t": 199,
  "size_x": 64,
  "size_y": 64,
  "size_z": 48,
  "snr": 3.739515143310482,
  "spacing_tr": 3.0,
  "spacing_x": 3.4375,
  "spacing_y": 3.4375,
  "spacing_z": 3.4000015258789062,
  "summary_bg_k": 17.52536478660361,
  "summary_bg_mad": 12.11412428247791,
  "summary_bg_mean": 117.20894622802734,
  "summary_bg_median": 34.38190841674805,
  "summary_bg_n": 132304.0,
  "summary_bg_p05": 21.130653381347656,
  "summary_bg_p95": 587.5841796874997,
  "summary_bg_stdv": 218.51548767089844,
  "summary_fg_k": 1.7485364470879379,
  "summary_fg_mad": 494.608099181248,
  "summary_fg_mean": 2441.569580078125,
  "summary_fg_median": 2316.113037109375,
  "summary_fg_n": 27934.0,
  "summary_fg_p05": 1626.119091796875,
  "summary_fg_p95": 3633.574780273437,
  "summary_fg_stdv": 619.3507690429688,
  "tsnr": 101.12463402142748
}