{
  "bids_meta": {
    "AcquisitionMatrixPE": 256,
    "AcquisitionNumber": 1,
    "AcquisitionTime": "15:23:23.000000",
    "BodyPartExamined": "BRAIN",
    "CoilString": "32Ch Head",
    "ConversionSoftware": "dcm2niix",
    "ConversionSoftwareVersion": "v1.0.20211006",
    "Dcm2bidsVersion": "2.1.6",
    "DeviceSerialNumber": "000301496MR3T6MR",
    "EchoTime": 0.00292,
    "FlipAngle": 8,
    "ImageOrientationPatientDICOM": [
      0,
      1,
      0,
      0,
      0,
      -1
    ],
    "ImageType": [
      "ORIGINAL",
      "PRIMARY",
      "OTHER"
    ],
    "ImagingFrequency": 127.697,
    "InPlanePhaseEncodingDirectionDICOM": "ROW",
    "InstitutionName": "NIH FMRIF",
    "InversionTime": 1.06,
    "MRAcquisitionType": "3D",
    "MagneticFieldStrength": 3,
    "Manufacturer": "GE",
    "ManufacturersModelName": "DISCOVERY MR750",
    "Modality": "MR",
    "ParallelReductionFactorInPlane": 2,
    "ParallelReductionOutOfPlane": 2,
    "PatientPosition": "HFS",
    "PercentPhaseFOV": 100,
    "PercentSampling": 100,
    "PixelBandwidth": 244.141,
    "ProcedureStepDescription": "MRI Brain",
    "ProtocolName": "ADNI3 FMRIF Enhanced Pro",
    "ReconMatrixPE": 256,
    "RepetitionTime": 0.006952,
    "SAR": 0.0949131,
    "ScanOptions": "EDR_GEMS\\PROMO_GEMS\\ACC_GEMS\\IR_GEMS",
    "ScanningSequence": "RM",
    "SequenceVariant": "NONE",
    "SeriesDescription": "ORIG Anat T1w MP-RAGE 1mm (ABCD)",
    "SeriesNumber": 40003,
    "SliceThickness": 1,
    "SoftwareVersions": "27\\LX\\MR Software release:DV26.0_R01_1725.a",
    "SpacingBetweenSlices": 1,
    "StationName": "fmrif3tb",
    "acq_id": "MPRAGE",
    "dataset": "ds004215",
    "modality": "T1w",
    "session_id": "01",
    "subject_id": "ON95003"
  },
  "cjv": 0.3691927762904162,
  "cnr": 3.621872449093564,
  "efc": 0.4154166294035301,
  "fber": 7450.788270874425,
  "fwhm_avg": 3.6587133333333335,
  "fwhm_x": 3.65755,
  "fwhm_y": 3.68469,
  "fwhm_z": 3.6339,
  "icvs_csf": 0.2153616372784494,
  "icvs_gm": 0.4300987795812289,
  "icvs_wm": 0.3545395831403217,
  "inu_med": 0.844185471534729,
  "inu_range": 0.506982684135437,
  "provenance": {
    "md5sum": "b36f2a1b1710825dc658395bcc60f888",
    "settings": {
      "testing": false
    },
    "software": "mriqc",
    "version": "22.0.6",
    "warnings": {
      "large_rot_frame": true,
      "small_air_mask": false
    },
    "webapi_port": null,
    "webapi_url": "https://mriqc.nimh.nih.gov/api/v1"
  },
  "qi_1": 0.0,
  "qi_2": 0.0015931522616592158,
  "rpve_csf": 30.390687496636954,
  "rpve_gm": 15.876280575751332,
  "rpve_wm": 22.171677679612397,
  "size_x": 208,
  "size_y": 256,
  "size_z": 256,
  "snr_csf": 1.267382721242782,
  "snr_gm": 8.566870589094627,
  "snr_total": 8.864552971413733,
  "snr_wm": 16.75940560390379,
  "snrd_csf": 9.406119529017356,
  "snrd_gm": 37.725742921373254,
  "snrd_total": 35.112804081488,
  "snrd_wm": 58.20654979407339,
  "spacing_x": 1.0,
  "spacing_y": 1.0,
  "spacing_z": 1.0,
  "summary_bg_k": 2.2862586150355284,
  "summary_bg_mad": 11.255372755577595,
  "summary_bg_mean": 12.462956591909853,
  "summary_bg_median": 7.591633558273315,
  "summary_bg_n": 4954860.0,
  "summary_bg_p05": 0.0,
  "summary_bg_p95": 36.613816015422344,
  "summary_bg_stdv": 12.4186973597377,
  "summary_csf_k": 0.15468473064344046,
  "summary_csf_mad": 119.2952268625021,
  "summary_csf_mean": 196.59823153034162,
  "summary_csf_median": 161.59899142012,
  "summary_csf_n": 26152.0,
  "summary_csf_p05": 40.09331472963095,
  "summary_csf_p95": 442.1118283862247,
  "summary_csf_stdv": 127.50363333149429,
  "summary_gm_k": 0.19950807736477616,
  "summary_gm_mad": 72.9254359788465,
  "summary_gm_mean": 646.7576527671621,
  "summary_gm_median": 648.1357150375843,
  "summary_gm_n": 25660.0,
  "summary_gm_p05": 518.7201097359881,
  "summary_gm_p95": 770.6318626688793,
  "summary_gm_stdv": 75.65459042171341,
  "summary_wm_k": 0.5379428828018904,
  "summary_wm_mad": 56.980324575111574,
  "summary_wm_mean": 1000.6349694921045,
  "summary_wm_median": 1000.0000225119293,
  "summary_wm_n": 180738.0,
  "summary_wm_p05": 904.7092054523528,
  "summary_wm_p95": 1098.7367294913156,
  "summary_wm_stdv": 59.667823531863036,
  "tpm_overlap_csf": 0.15486958910809698,
  "tpm_overlap_gm": 0.47925041624008097,
  "tpm_overlap_wm": 0.5246107650505739,
  "wm2max": 0.5218728075605629
}