{
  "bids_meta": {
    "AcquisitionMatrixPE": 256,
    "AcquisitionNumber": 1,
    "AcquisitionTime": "14:05:54.000000",
    "BodyPartExamined": "BRAIN",
    "CoilString": "32Ch Head",
    "ConversionSoftware": "dcm2niix",
    "ConversionSoftwareVersion": "v1.0.20211006",
    "Dcm2bidsVersion": "2.1.6",
    "DeviceSerialNumber": "000301496MR3T6MR",
    "EchoTime": 0.003036,
    "FlipAngle": 11,
    "ImageOrientationPatientDICOM": [
      0,
      1,
      0,
      0,
      0,
      -1
    ],
    "ImageType": [
      "ORIGINAL",
      "PRIMARY",
      "OTHER"
    ],
    "ImagingFrequency": 127.697,
    "InPlanePhaseEncodingDirectionDICOM": "ROW",
    "InstitutionName": "NIH FMRIF",
    "InversionTime": 0.4,
    "MRAcquisitionType": "3D",
    "MagneticFieldStrength": 3,
    "Manufacturer": "GE",
    "ManufacturersModelName": "DISCOVERY MR750",
    "Modality": "MR",
    "ParallelReductionFactorInPlane": 1.72974,
    "PatientPosition": "HFS",
    "PercentPhaseFOV": 100,
    "PercentSampling": 100,
    "PixelBandwidth": 244.141,
    "ProcedureStepDescription": "MRI Brain",
    "ProtocolName": "ADNI3 FMRIF Enhanced Pro",
    "ReconMatrixPE": 256,
    "RepetitionTime": 0.007348,
    "SAR": 0.169078,
    "ScanOptions": "FAST_GEMS\\EDR_GEMS\\FILTERED_GEMS\\ACC_GEMS\\IR_GEMS",
    "ScanningSequence": "GR",
    "SequenceVariant": "SS\\SP\\SK",
    "SeriesDescription": "Accelerated Sagittal IR-FSPGR",
    "SeriesNumber": 3,
    "SliceThickness": 1.2,
    "SoftwareVersions": "27\\LX\\MR Software release:DV26.0_R01_1725.a",
    "SpacingBetweenSlices": 1.2,
    "SpoilingState": true,
    "StationName": "fmrif3tb",
    "acq_id": "FSPGR",
    "dataset": "ds004215",
    "modality": "T1w",
    "rec_id": "SCIC",
    "session_id": "01",
    "subject_id": "ON13986"
  },
  "cjv": 0.32770414876655435,
  "cnr": 4.033572137681838,
  "efc": 0.5443920401947546,
  "fber": -1.0,
  "fwhm_avg": 3.639255413360074,
  "fwhm_x": 3.430461913826318,
  "fwhm_y": 3.863107930617414,
  "fwhm_z": 3.62419639563649,
  "icvs_csf": 0.2567493915812153,
  "icvs_gm": 0.42146269081464394,
  "icvs_wm": 0.32178791760414077,
  "inu_med": 0.5239071846008301,
  "inu_range": 0.10428869724273682,
  "provenance": {
    "md5sum": "063c02ac8afb8247aea2a3d5165d03d6",
    "settings": {
      "testing": false
    },
    "software": "mriqc",
    "version": "22.0.6",
    "warnings": {
      "large_rot_frame": true,
      "small_air_mask": false
    },
    "webapi_port": null,
    "webapi_url": "https://mriqc.nimh.nih.gov/api/v1"
  },
  "qi_1": 0.0007793877092443867,
  "qi_2": 0.004108435028410164,
  "rpve_csf": 30.500895176075165,
  "rpve_gm": 18.430546160364443,
  "rpve_wm": 28.650976614998655,
  "size_x": 196,
  "size_y": 256,
  "size_z": 256,
  "snr_csf": 2.1025505603999077,
  "snr_gm": 9.145733266641887,
  "snr_total": 12.132079577505621,
  "snr_wm": 25.14795490547507,
  "snrd_csf": 15.279016008447915,
  "snrd_gm": 52.00145944272656,
  "snrd_total": 48.520346291290174,
  "snrd_wm": 78.28056342269605,
  "spacing_x": 1.2000045776367188,
  "spacing_y": 1.0547000169754028,
  "spacing_z": 1.0547000169754028,
  "summary_bg_k": 137.16317743563837,
  "summary_bg_mad": 0.0,
  "summary_bg_mean": 4.580390009279166,
  "summary_bg_median": 0.0,
  "summary_bg_n": 1037169.0,
  "summary_bg_p05": 0.0,
  "summary_bg_p95": 16.057484954595566,
  "summary_bg_stdv": 8.36908163332183,
  "summary_csf_k": 1.687029147337924,
  "summary_csf_mad": 79.62797723139255,
  "summary_csf_mean": 208.1910558217842,
  "summary_csf_median": 195.18276232481003,
  "summary_csf_n": 40922.0,
  "summary_csf_p05": 82.52557421699167,
  "summary_csf_p95": 391.7201458118855,
  "summary_csf_stdv": 92.83028963572863,
  "summary_gm_k": 0.12893972237450946,
  "summary_gm_mad": 71.69235629229131,
  "summary_gm_mean": 661.7727851509054,
  "summary_gm_median": 664.2959529161453,
  "summary_gm_n": 24300.0,
  "summary_gm_p05": 536.3126652985811,
  "summary_gm_p95": 776.6250257492065,
  "summary_gm_stdv": 72.63302621752734,
  "summary_wm_k": 0.31310125451953796,
  "summary_wm_mad": 38.319265493605286,
  "summary_wm_mean": 999.7372272875309,
  "summary_wm_median": 1000.0000390559435,
  "summary_wm_n": 136608.0,
  "summary_wm_p05": 933.7904093116522,
  "summary_wm_p95": 1064.7798927426338,
  "summary_wm_stdv": 39.76452092029301,
  "tpm_overlap_csf": 0.15804117603071086,
  "tpm_overlap_gm": 0.4501604197215859,
  "tpm_overlap_wm": 0.5141459551159948,
  "wm2max": 0.48049557789316827
}