{
  "bids_meta": {
    "AcquisitionMatrixPE": 256,
    "AcquisitionNumber": 1,
    "AcquisitionTime": "14:12:17.000000",
    "BodyPartExamined": "BRAIN",
    "CoilString": "32Ch Head",
    "ConversionSoftware": "dcm2niix",
    "ConversionSoftwareVersion": "v1.0.20211006",
    "Dcm2bidsVersion": "2.1.6",
    "DeviceSerialNumber": "000301496MR3T6MR",
    "EchoTime": 0.066091,
    "EchoTrainLength": 140,
    "FlipAngle": 90,
    "ImageOrientationPatientDICOM": [
      0,
      1,
      0,
      0,
      0,
      -1
    ],
    "ImageType": [
      "ORIGINAL",
      "PRIMARY",
      "OTHER"
    ],
    "ImagingFrequency": 127.697,
    "InPlanePhaseEncodingDirectionDICOM": "ROW",
    "InstitutionName": "NIH FMRIF",
    "MRAcquisitionType": "3D",
    "MagneticFieldStrength": 3,
    "Manufacturer": "GE",
    "ManufacturersModelName": "DISCOVERY MR750",
    "Modality": "MR",
    "ParallelReductionFactorInPlane": 2,
    "ParallelReductionOutOfPlane": 1.5,
    "PatientPosition": "HFS",
    "PercentPhaseFOV": 100,
    "PercentSampling": 100,
    "PhaseEncodingAxis": "i",
    "PixelBandwidth": 244.141,
    "ProcedureStepDescription": "MRI Brain",
    "ProtocolName": "ADNI3 FMRIF Enhanced Pro",
    "ReconMatrixPE": 256,
    "RepetitionTime": 3.202,
    "SAR": 0.4501,
    "ScanOptions": "SAT_GEMS\\EDR_GEMS\\PROMO_GEMS\\ACC_GEMS\\FS\\FR_GEMS",
    "ScanningSequence": "RM",
    "SequenceVariant": "NONE",
    "SeriesDescription": "Sag_CUBE_T2",
    "SeriesNumber": 4,
    "SliceThickness": 1,
    "SoftwareVersions": "27\\LX\\MR Software release:DV26.0_R01_1725.a",
    "SpacingBetweenSlices": 1,
    "StationName": "fmrif3tb",
    "acq_id": "CUBE",
    "dataset": "ds004215",
    "modality": "T2w",
    "session_id": "01",
    "subject_id": "ON13986"
  },
  "cjv": 0.3427579289986146,
  "cnr": 1.398259045606516,
  "efc": 0.3727634935207114,
  "fber": 7313.044384638388,
  "fwhm_avg": 2.4366866666666667,
  "fwhm_x": 2.05525,
  "fwhm_y": 2.65492,
  "fwhm_z": 2.59989,
  "icvs_csf": 0.20482952257263043,
  "icvs_gm": 0.7085430789182534,
  "icvs_wm": 0.0866273985091162,
  "inu_med": 0.8547889590263367,
  "inu_range": 0.5735229134559632,
  "provenance": {
    "md5sum": "e8ab129373e9e9c922234dc1083a7501",
    "settings": {
      "testing": false
    },
    "software": "mriqc",
    "version": "22.0.6",
    "warnings": {
      "large_rot_frame": true,
      "small_air_mask": false
    },
    "webapi_port": null,
    "webapi_url": "https://mriqc.nimh.nih.gov/api/v1"
  },
  "qi_1": 0.0,
  "qi_2": 0.0186148136407544,
  "rpve_csf": 25.66951799757753,
  "rpve_gm": 10.78369290844885,
  "rpve_wm": 78.01933930845905,
  "size_x": 204,
  "size_y": 256,
  "size_z": 256,
  "snr_csf": 5.817940511282967,
  "snr_gm": 8.901344067341743,
  "snr_total": 5.581413467819277,
  "snr_wm": 2.0249558248331203,
  "snrd_csf": 111.40037216857601,
  "snrd_gm": 38.552838462213764,
  "snrd_total": 91.73754461309841,
  "snrd_wm": 125.25942320850548,
  "spacing_x": 1.0,
  "spacing_y": 1.0,
  "spacing_z": 1.0,
  "summary_bg_k": 0.8365548099781597,
  "summary_bg_mad": 5.230356302516957,
  "summary_bg_mean": 4.105042652286416,
  "summary_bg_median": 3.5278217159211636,
  "summary_bg_n": 3789119.0,
  "summary_bg_p05": 0.0,
  "summary_bg_p95": 12.416099805384874,
  "summary_bg_stdv": 4.514870319994554,
  "summary_csf_k": 4.341248162756639,
  "summary_csf_mad": 106.86568899915326,
  "summary_csf_mean": 851.4329391455975,
  "summary_csf_median": 889.3775993436575,
  "summary_csf_n": 27112.0,
  "summary_csf_p05": 553.9894214456901,
  "summary_csf_p95": 1007.0201449996791,
  "summary_csf_stdv": 152.86529581209717,
  "summary_gm_k": 0.1899610284011488,
  "summary_gm_mad": 33.861462555905234,
  "summary_gm_mean": 310.33270253733724,
  "summary_gm_median": 307.7909907475114,
  "summary_gm_n": 468512.0,
  "summary_gm_p05": 257.8975121937692,
  "summary_gm_p95": 371.36050543375313,
  "summary_gm_stdv": 34.57799855186188,
  "summary_wm_k": -1.7073356542113636,
  "summary_wm_mad": 203.40651880372764,
  "summary_wm_mean": 679.0122470950055,
  "summary_wm_median": 1000.0229167975485,
  "summary_wm_n": 20740.0,
  "summary_wm_p05": 15.07342005893588,
  "summary_wm_p95": 1194.8777967691422,
  "summary_wm_stdv": 493.8373448383808,
  "tpm_overlap_csf": 0.13719388457122977,
  "tpm_overlap_gm": 0.4164012049241275,
  "tpm_overlap_wm": 0.026695324753980874,
  "wm2max": 0.850358422939068
}