{
  "bids_meta": {
    "AcquisitionMatrixPE": 256,
    "AcquisitionNumber": 1,
    "AcquisitionTime": "15:12:21.000000",
    "BodyPartExamined": "BRAIN",
    "CoilString": "32Ch Head",
    "ConversionSoftware": "dcm2niix",
    "ConversionSoftwareVersion": "v1.0.20211006",
    "Dcm2bidsVersion": "2.1.6",
    "DeviceSerialNumber": "000301496MR3T6MR",
    "EchoTime": 0.066428,
    "EchoTrainLength": 140,
    "FlipAngle": 90,
    "ImageOrientationPatientDICOM": [
      0,
      1,
      0,
      0,
      0,
      -1
    ],
    "ImageType": [
      "ORIGINAL",
      "PRIMARY",
      "OTHER"
    ],
    "ImagingFrequency": 127.696,
    "InPlanePhaseEncodingDirectionDICOM": "ROW",
    "InstitutionName": "NIH FMRIF",
    "MRAcquisitionType": "3D",
    "MagneticFieldStrength": 3,
    "Manufacturer": "GE",
    "ManufacturersModelName": "DISCOVERY MR750",
    "Modality": "MR",
    "ParallelReductionFactorInPlane": 2,
    "ParallelReductionOutOfPlane": 1.5,
    "PatientPosition": "HFS",
    "PercentPhaseFOV": 100,
    "PercentSampling": 100,
    "PhaseEncodingAxis": "i",
    "PixelBandwidth": 244.141,
    "ProcedureStepDescription": "MRI Brain",
    "ProtocolName": "ADNI3 FMRIF Enhanced Pro",
    "ReconMatrixPE": 256,
    "RepetitionTime": 3.202,
    "SAR": 0.4504,
    "ScanOptions": "SAT_GEMS\\EDR_GEMS\\PROMO_GEMS\\ACC_GEMS\\FS\\FR_GEMS",
    "ScanningSequence": "RM",
    "SequenceVariant": "NONE",
    "SeriesDescription": "ORIG Anat T2w CUBE (ABCD)",
    "SeriesNumber": 40004,
    "SliceThickness": 1,
    "SoftwareVersions": "27\\LX\\MR Software release:DV26.0_R03_1831.b",
    "SpacingBetweenSlices": 1,
    "StationName": "FMRI3tb",
    "acq_id": "CUBE",
    "dataset": "ds004215",
    "modality": "T2w",
    "session_id": "01",
    "subject_id": "ON85981"
  },
  "cjv": 0.23338081140641906,
  "cnr": 4.821040521493725,
  "efc": 0.4353603583229065,
  "fber": 1551.9627144975639,
  "fwhm_avg": 2.597683333333333,
  "fwhm_x": 2.15547,
  "fwhm_y": 2.8611,
  "fwhm_z": 2.77648,
  "icvs_csf": 0.24276408161717217,
  "icvs_gm": 0.6934936397953787,
  "icvs_wm": 0.06374227858744912,
  "inu_med": 0.8643718361854553,
  "inu_range": 0.3915782868862152,
  "provenance": {
    "md5sum": "224d4ff3711b5d6122517abd758d6937",
    "settings": {
      "testing": false
    },
    "software": "mriqc",
    "version": "22.0.6",
    "warnings": {
      "large_rot_frame": true,
      "small_air_mask": false
    },
    "webapi_port": null,
    "webapi_url": "https://mriqc.nimh.nih.gov/api/v1"
  },
  "qi_1": 0.0,
  "qi_2": 0.012960050655121708,
  "rpve_csf": 21.28573740079397,
  "rpve_gm": 9.98002484113403,
  "rpve_wm": 92.45837719541248,
  "size_x": 204,
  "size_y": 256,
  "size_z": 256,
  "snr_csf": 5.624083144952265,
  "snr_gm": 9.035266949823539,
  "snr_total": 5.238494646221043,
  "snr_wm": 1.0561338438873271,
  "snrd_csf": 95.74055544838748,
  "snrd_gm": 33.40290658128044,
  "snrd_total": 44.65232710622447,
  "snrd_wm": 4.813519289005478,
  "spacing_x": 1.0,
  "spacing_y": 1.0,
  "spacing_z": 1.0,
  "summary_bg_k": 35.770389030296265,
  "summary_bg_mad": 136.4683026400129,
  "summary_bg_mean": 155.21394272064643,
  "summary_bg_median": 92.04647135734558,
  "summary_bg_n": 3525859.0,
  "summary_bg_p05": 0.0,
  "summary_bg_p95": 471.4030450582504,
  "summary_bg_stdv": 177.6967532234823,
  "summary_csf_k": 3.907306922346155,
  "summary_csf_mad": 2244.439851186232,
  "summary_csf_mean": 19136.96335198794,
  "summary_csf_median": 19943.25318491459,
  "summary_csf_n": 76371.0,
  "summary_csf_p05": 12147.900081515312,
  "summary_csf_p95": 23405.27289402485,
  "summary_csf_stdv": 3546.0220096768367,
  "summary_gm_k": 0.1074591971109915,
  "summary_gm_mad": 763.1625468024023,
  "summary_gm_mean": 7001.342761474044,
  "summary_gm_median": 6957.9983105659485,
  "summary_gm_n": 502278.0,
  "summary_gm_p05": 5815.907141685486,
  "summary_gm_p95": 8339.589035987854,
  "summary_gm_stdv": 770.0925078098493,
  "summary_wm_k": 20.001803668592363,
  "summary_wm_mad": 626.6942441623894,
  "summary_wm_mean": 1262.1178199038984,
  "summary_wm_median": 1002.6809792518616,
  "summary_wm_n": 18451.0,
  "summary_wm_p05": 350.53619796037674,
  "summary_wm_p95": 3070.15196454525,
  "summary_wm_stdv": 949.3624441951911,
  "tpm_overlap_csf": 0.15463023293215705,
  "tpm_overlap_gm": 0.4137798234674523,
  "tpm_overlap_wm": 0.02035617042394451,
  "wm2max": 0.04056325807559516
}