{
  "bids_meta": {
    "AcquisitionMatrixPE": 256,
    "AcquisitionNumber": 1,
    "AcquisitionTime": "15:05:43.000000",
    "BodyPartExamined": "BRAIN",
    "CoilString": "32Ch Head",
    "ConversionSoftware": "dcm2niix",
    "ConversionSoftwareVersion": "v1.0.20211006",
    "Dcm2bidsVersion": "2.1.6",
    "DeviceSerialNumber": "000301496MR3T6MR",
    "EchoTime": 0.00292,
    "FlipAngle": 8,
    "ImageOrientationPatientDICOM": [
      0,
      1,
      0,
      0,
      0,
      -1
    ],
    "ImageType": [
      "ORIGINAL",
      "PRIMARY",
      "OTHER"
    ],
    "ImagingFrequency": 127.696,
    "InPlanePhaseEncodingDirectionDICOM": "ROW",
    "InstitutionName": "NIH FMRIF",
    "InversionTime": 1.06,
    "MRAcquisitionType": "3D",
    "MagneticFieldStrength": 3,
    "Manufacturer": "GE",
    "ManufacturersModelName": "DISCOVERY MR750",
    "Modality": "MR",
    "ParallelReductionFactorInPlane": 2,
    "ParallelReductionOutOfPlane": 2,
    "PatientPosition": "HFS",
    "PercentPhaseFOV": 100,
    "PercentSampling": 100,
    "PixelBandwidth": 244.141,
    "ProcedureStepDescription": "MRI Brain",
    "ProtocolName": "ADNI3 FMRIF Enhanced Pro",
    "ReconMatrixPE": 256,
    "RepetitionTime": 0.006952,
    "SAR": 0.119918,
    "ScanOptions": "EDR_GEMS\\PROMO_GEMS\\FILTERED_GEMS\\ACC_GEMS\\IR_GEMS",
    "ScanningSequence": "RM",
    "SequenceVariant": "NONE",
    "SeriesDescription": "Anat T1w MP-RAGE 1mm (ABCD)",
    "SeriesNumber": 3,
    "SliceThickness": 1,
    "SoftwareVersions": "27\\LX\\MR Software release:DV26.0_R03_1831.b",
    "SpacingBetweenSlices": 1,
    "StationName": "FMRI3tb",
    "acq_id": "MPRAGE",
    "dataset": "ds004215",
    "modality": "T1w",
    "rec_id": "SCIC",
    "session_id": "01",
    "subject_id": "ON85981"
  },
  "cjv": 0.431528987968399,
  "cnr": 3.184162212767263,
  "efc": 0.6818257452167411,
  "fber": 7757.631800208116,
  "fwhm_avg": 3.5285533333333334,
  "fwhm_x": 3.50184,
  "fwhm_y": 3.65265,
  "fwhm_z": 3.43117,
  "icvs_csf": 0.27278268941082995,
  "icvs_gm": 0.37750666311549913,
  "icvs_wm": 0.3497106474736709,
  "inu_med": 0.5540396571159363,
  "inu_range": 0.08265740871429439,
  "provenance": {
    "md5sum": "084097ed0b342cc667019ca7ae38607e",
    "settings": {
      "testing": false
    },
    "software": "mriqc",
    "version": "22.0.6",
    "warnings": {
      "large_rot_frame": true,
      "small_air_mask": false
    },
    "webapi_port": null,
    "webapi_url": "https://mriqc.nimh.nih.gov/api/v1"
  },
  "qi_1": 0.0,
  "qi_2": 0.0032389565497909934,
  "rpve_csf": 21.685927914049024,
  "rpve_gm": 14.417230502284083,
  "rpve_wm": 18.642398814380996,
  "size_x": 208,
  "size_y": 256,
  "size_z": 256,
  "snr_csf": 1.9631026073712,
  "snr_gm": 7.822623027014974,
  "snr_total": 9.25310232505847,
  "snr_wm": 17.97358134078923,
  "snrd_csf": 9.857375083225543,
  "snrd_gm": 41.01613760644572,
  "snrd_total": 37.29579692927853,
  "snrd_wm": 61.01387809816431,
  "spacing_x": 1.0,
  "spacing_y": 1.0,
  "spacing_z": 1.0,
  "summary_bg_k": 5.268070160106941,
  "summary_bg_mad": 0.0,
  "summary_bg_mean": 6.091984907957749,
  "summary_bg_median": 0.0,
  "summary_bg_n": 929253.0,
  "summary_bg_p05": 0.0,
  "summary_bg_p95": 30.33338011801243,
  "summary_bg_stdv": 10.737753832699735,
  "summary_csf_k": 2.5481270089865866,
  "summary_csf_mad": 63.53403221223025,
  "summary_csf_mean": 179.39505073402395,
  "summary_csf_median": 161.56340432353318,
  "summary_csf_n": 91875.0,
  "summary_csf_p05": 81.96212851069868,
  "summary_csf_p95": 351.53573611136534,
  "summary_csf_stdv": 82.29958253729161,
  "summary_gm_k": -0.09709227728113756,
  "summary_gm_mad": 87.62888082248897,
  "summary_gm_mean": 670.3954303219001,
  "summary_gm_median": 672.2587674660608,
  "summary_gm_n": 18326.0,
  "summary_gm_p05": 525.5401187427342,
  "summary_gm_p95": 808.7887867433019,
  "summary_gm_stdv": 85.93542386327559,
  "summary_wm_k": 0.3348631091439982,
  "summary_wm_mad": 53.811239302734805,
  "summary_wm_mean": 999.2776006027475,
  "summary_wm_median": 1000.0238170195371,
  "summary_wm_n": 204379.0,
  "summary_wm_p05": 906.6389769706875,
  "summary_wm_p95": 1088.639257678762,
  "summary_wm_stdv": 55.63840347463368,
  "tpm_overlap_csf": 0.1646952718582707,
  "tpm_overlap_gm": 0.41571588984807983,
  "tpm_overlap_wm": 0.48552698229459157,
  "wm2max": 0.7142735479475387
}