{
  "aor": 0.0032426130653266335,
  "aqi": 0.0022505954522613067,
  "bids_meta": {
    "AcquisitionMatrixPE": 64,
    "AcquisitionNumber": 1,
    "AcquisitionTime": "15:04:21.000000",
    "BodyPartExamined": "BRAIN",
    "CoilString": "32Ch Head",
    "ConversionSoftware": "dcm2niix",
    "ConversionSoftwareVersion": "v1.0.20211006",
    "Dcm2bidsVersion": "2.1.6",
    "DeviceSerialNumber": "000301496MR3T6MR",
    "EchoTime": 0.0169,
    "EffectiveEchoSpacing": 0.000416,
    "FlipAngle": 90,
    "ImageOrientationPatientDICOM": [
      1,
      0,
      0,
      0,
      1,
      0
    ],
    "ImageType": [
      "ORIGINAL",
      "PRIMARY",
      "OTHER"
    ],
    "ImagingFrequency": 127.696,
    "InPlanePhaseEncodingDirectionDICOM": "COL",
    "InstitutionName": "NIH FMRIF",
    "InternalPulseSequenceName": "EPI",
    "MRAcquisitionType": "2D",
    "MagneticFieldStrength": 3,
    "Manufacturer": "GE",
    "ManufacturersModelName": "DISCOVERY MR750",
    "Modality": "MR",
    "PatientPosition": "HFS",
    "PercentPhaseFOV": 100,
    "PercentSampling": 100,
    "PhaseEncodingDirection": "j",
    "PhaseEncodingPolarityGE": "Flipped",
    "PixelBandwidth": 7812.5,
    "ProcedureStepDescription": "MRI Brain",
    "ProtocolName": "ADNI3 FMRIF Enhanced Pro",
    "PulseSequenceName": "epi",
    "ReconMatrixPE": 64,
    "RepetitionTime": 3,
    "SAR": 0.149436,
    "ScanOptions": "MP_GEMS\\EPI_GEMS\\PFF",
    "ScanningSequence": "EP\\GR",
    "SequenceVariant": "SS",
    "SeriesDescription": "Axial rsfMRI with Eyes Open - RKV",
    "SeriesNumber": 10,
    "SliceThickness": 3.4,
    "SliceTiming": [
      0,
      1.5,
      0.0625,
      1.5625,
      0.125,
      1.625,
      0.1875,
      1.6875,
      0.25,
      1.75,
      0.3125,
      1.8125,
      0.375,
      1.875,
      0.4375,
      1.9375,
      0.5,
      2,
      0.5625,
      2.0625,
      0.625,
      2.125,
      0.6875,
      2.1875,
      0.75,
      2.25,
      0.8125,
      2.3125,
      0.875,
      2.375,
      0.9375,
      2.4375,
      1,
      2.5,
      1.0625,
      2.5625,
      1.125,
      2.625,
      1.1875,
      2.6875,
      1.25,
      2.75,
      1.3125,
      2.8125,
      1.375,
      2.875,
      1.4375,
      2.9375
    ],
    "SoftwareVersions": "27\\LX\\MR Software release:DV26.0_R03_1831.b",
    "SpacingBetweenSlices": 3.4,
    "StationName": "FMRI3tb",
    "TaskName": "Resting state with eyes open.",
    "TotalReadoutTime": 0.026208,
    "TriggerDelayTime": 599938,
    "dataset": "ds004215",
    "modality": "bold",
    "session_id": "01",
    "subject_id": "ON95742",
    "task_id": "rest"
  },
  "dummy_trs": 1,
  "dvars_nstd": 12.028986030202015,
  "dvars_std": 1.2113245834848485,
  "dvars_vstd": 0.9773492907575757,
  "efc": 0.45931601862804905,
  "fber": 5580.52734375,
  "fd_mean": 0.09429261954471095,
  "fd_num": 14,
  "fd_perc": 7.035175879396985,
  "fwhm_avg": 2.642401896070966,
  "fwhm_x": 2.6081105454545455,
  "fwhm_y": 2.408055272727273,
  "fwhm_z": 2.9110398700310784,
  "gcor": 0.0592104,
  "gsr_x": 0.0015136300353333354,
  "gsr_y": 0.03793930262327194,
  "provenance": {
    "md5sum": "7f51bb63f40f9082d585e68fbafe89aa",
    "settings": {
      "fd_thres": 0.2,
      "testing": false
    },
    "software": "mriqc",
    "version": "22.0.6",
    "webapi_port": null,
    "webapi_url": "https://mriqc.nimh.nih.gov/api/v1"
  },
  "size_t": 199,
  "size_x": 64,
  "size_y": 64,
  "size_z": 48,
  "snr": 4.34482253571349,
  "spacing_tr": 3.0,
  "spacing_x": 3.4375,
  "spacing_y": 3.4375,
  "spacing_z": 3.4000015258789062,
  "summary_bg_k": 30.35994531382365,
  "summary_bg_mad": 9.49908270425976,
  "summary_bg_mean": 120.46157836914062,
  "summary_bg_median": 33.447235107421875,
  "summary_bg_n": 132781.0,
  "summary_bg_p05": 23.562814712524414,
  "summary_bg_p95": 597.3215942382812,
  "summary_bg_stdv": 243.57533264160156,
  "summary_fg_k": 2.6625034431781076,
  "summary_fg_mad": 481.7823774136765,
  "summary_fg_mean": 2539.978515625,
  "summary_fg_median": 2472.947265625,
  "summary_fg_n": 27474.0,
  "summary_fg_p05": 1729.1012390136718,
  "summary_fg_p95": 3539.039379882812,
  "summary_fg_stdv": 569.1607055664062,
  "tsnr": 116.53206366440281
}