{
  "bids_meta": {
    "AcquisitionMatrixPE": 256,
    "AcquisitionNumber": 1,
    "AcquisitionTime": "14:27:4.000000",
    "BodyPartExamined": "BRAIN",
    "CoilString": "32Ch Head",
    "ConversionSoftware": "dcm2niix",
    "ConversionSoftwareVersion": "v1.0.20211006",
    "Dcm2bidsVersion": "2.1.6",
    "DeviceSerialNumber": "000301496MR3T6MR",
    "EchoTime": 0.066629,
    "EchoTrainLength": 140,
    "FlipAngle": 90,
    "ImageOrientationPatientDICOM": [
      0,
      1,
      0,
      0,
      0,
      -1
    ],
    "ImageType": [
      "ORIGINAL",
      "PRIMARY",
      "OTHER"
    ],
    "ImagingFrequency": 127.697,
    "InPlanePhaseEncodingDirectionDICOM": "ROW",
    "InstitutionName": "NIH FMRIF",
    "MRAcquisitionType": "3D",
    "MagneticFieldStrength": 3,
    "Manufacturer": "GE",
    "ManufacturersModelName": "DISCOVERY MR750",
    "Modality": "MR",
    "ParallelReductionFactorInPlane": 2,
    "ParallelReductionOutOfPlane": 1.5,
    "PatientPosition": "HFS",
    "PercentPhaseFOV": 100,
    "PercentSampling": 100,
    "PhaseEncodingAxis": "i",
    "PixelBandwidth": 244.141,
    "ProcedureStepDescription": "MRI Brain",
    "ProtocolName": "ADNI3 FMRIF Enhanced Pro",
    "ReconMatrixPE": 256,
    "RepetitionTime": 3.202,
    "SAR": 0.4525,
    "ScanOptions": "SAT_GEMS\\EDR_GEMS\\PROMO_GEMS\\ACC_GEMS\\FS\\FR_GEMS",
    "ScanningSequence": "RM",
    "SequenceVariant": "NONE",
    "SeriesDescription": "ORIG Anat T2w CUBE (ABCD)",
    "SeriesNumber": 40004,
    "SliceThickness": 1,
    "SoftwareVersions": "27\\LX\\MR Software release:DV26.0_R03_1831.b",
    "SpacingBetweenSlices": 1,
    "StationName": "FMRI3tb",
    "acq_id": "CUBE",
    "dataset": "ds004215",
    "modality": "T2w",
    "session_id": "01",
    "subject_id": "ON03748"
  },
  "cjv": 2.87547372879039,
  "cnr": 0.2523540200766278,
  "efc": 0.44719895814235616,
  "fber": 2420.88912033328,
  "fwhm_avg": 2.5695333333333332,
  "fwhm_x": 2.19987,
  "fwhm_y": 2.8747,
  "fwhm_z": 2.63403,
  "icvs_csf": 0.35239227944478985,
  "icvs_gm": 0.48542979575554224,
  "icvs_wm": 0.16217792479966792,
  "inu_med": 0.9341508448123932,
  "inu_range": 0.5480654716491697,
  "provenance": {
    "md5sum": "a8a503886021c60029a0584f67ff5380",
    "settings": {
      "testing": false
    },
    "software": "mriqc",
    "version": "22.0.6",
    "warnings": {
      "large_rot_frame": true,
      "small_air_mask": false
    },
    "webapi_port": null,
    "webapi_url": "https://mriqc.nimh.nih.gov/api/v1"
  },
  "qi_1": 0.0,
  "qi_2": 0.014147660005926207,
  "rpve_csf": 15.487048540841766,
  "rpve_gm": 13.00553219172622,
  "rpve_wm": 40.64680283055093,
  "size_x": 204,
  "size_y": 256,
  "size_z": 256,
  "snr_csf": 11.869000911239723,
  "snr_gm": 10.907767164719958,
  "snr_total": 7.754046776472722,
  "snr_wm": 0.4853722534584822,
  "snrd_csf": 32.97618488136522,
  "snrd_gm": 21.638618194620975,
  "snrd_total": 22.946536690060373,
  "snrd_wm": 14.22480699419493,
  "spacing_x": 1.0,
  "spacing_y": 1.0,
  "spacing_z": 1.0,
  "summary_bg_k": 0.3249633218649639,
  "summary_bg_mad": 46.20209038550291,
  "summary_bg_mean": 41.19668812090264,
  "summary_bg_median": 31.162836402654648,
  "summary_bg_n": 3164045.0,
  "summary_bg_p05": 0.0,
  "summary_bg_p95": 111.95537522435188,
  "summary_bg_stdv": 37.8968112213461,
  "summary_csf_k": 0.5050041214420284,
  "summary_csf_mad": 184.95096058641136,
  "summary_csf_mean": 2333.1929457169263,
  "summary_csf_median": 2325.5747573450208,
  "summary_csf_n": 33989.0,
  "summary_csf_p05": 2025.9690925478935,
  "summary_csf_p95": 2667.384905517101,
  "summary_csf_stdv": 195.93397656530564,
  "summary_gm_k": 0.14173424675284796,
  "summary_gm_mad": 138.74887020090844,
  "summary_gm_mean": 1529.3514085733952,
  "summary_gm_median": 1526.0171677917242,
  "summary_gm_n": 207179.0,
  "summary_gm_p05": 1304.6071387827396,
  "summary_gm_p95": 1763.1047965958714,
  "summary_gm_stdv": 139.90154555882805,
  "summary_wm_k": -1.4535766876427003,
  "summary_wm_mad": 1364.6728549051322,
  "summary_wm_mean": 2145.1140096537083,
  "summary_wm_median": 1003.1740237027407,
  "summary_wm_n": 39507.0,
  "summary_wm_p05": 86.17870807647705,
  "summary_wm_p95": 5569.683735817671,
  "summary_wm_stdv": 2066.7875436204663,
  "tpm_overlap_csf": 0.11136453816471695,
  "tpm_overlap_gm": 0.31036288464263656,
  "tpm_overlap_wm": 0.03392249319277377,
  "wm2max": 0.18526963086056064
}