{
  "bids_meta": {
    "AcquisitionMatrixPE": 256,
    "AcquisitionNumber": 1,
    "AcquisitionTime": "14:27:4.000000",
    "BodyPartExamined": "BRAIN",
    "CoilString": "32Ch Head",
    "ConversionSoftware": "dcm2niix",
    "ConversionSoftwareVersion": "v1.0.20211006",
    "Dcm2bidsVersion": "2.1.6",
    "DeviceSerialNumber": "000301496MR3T6MR",
    "EchoTime": 0.066629,
    "EchoTrainLength": 140,
    "FlipAngle": 90,
    "ImageOrientationPatientDICOM": [
      0,
      1,
      0,
      0,
      0,
      -1
    ],
    "ImageType": [
      "ORIGINAL",
      "PRIMARY",
      "OTHER"
    ],
    "ImagingFrequency": 127.697,
    "InPlanePhaseEncodingDirectionDICOM": "ROW",
    "InstitutionName": "NIH FMRIF",
    "MRAcquisitionType": "3D",
    "MagneticFieldStrength": 3,
    "Manufacturer": "GE",
    "ManufacturersModelName": "DISCOVERY MR750",
    "Modality": "MR",
    "ParallelReductionFactorInPlane": 2,
    "ParallelReductionOutOfPlane": 1.5,
    "PatientPosition": "HFS",
    "PercentPhaseFOV": 100,
    "PercentSampling": 100,
    "PhaseEncodingAxis": "i",
    "PixelBandwidth": 244.141,
    "ProcedureStepDescription": "MRI Brain",
    "ProtocolName": "ADNI3 FMRIF Enhanced Pro",
    "ReconMatrixPE": 256,
    "RepetitionTime": 3.202,
    "SAR": 0.4525,
    "ScanOptions": "SAT_GEMS\\EDR_GEMS\\PROMO_GEMS\\FILTERED_GEMS\\ACC_GEMS\\FS\\FR_GEMS",
    "ScanningSequence": "RM",
    "SequenceVariant": "NONE",
    "SeriesDescription": "Anat T2w CUBE (ABCD)",
    "SeriesNumber": 4,
    "SliceThickness": 1,
    "SoftwareVersions": "27\\LX\\MR Software release:DV26.0_R03_1831.b",
    "SpacingBetweenSlices": 1,
    "StationName": "FMRI3tb",
    "acq_id": "CUBE",
    "dataset": "ds004215",
    "modality": "T2w",
    "rec_id": "SCIC",
    "session_id": "01",
    "subject_id": "ON03748"
  },
  "cjv": 52.89914455405022,
  "cnr": 0.0224613982350812,
  "efc": 0.4880417900049014,
  "fber": 2228.857071557459,
  "fwhm_avg": 2.350923333333333,
  "fwhm_x": 2.0094,
  "fwhm_y": 2.69524,
  "fwhm_z": 2.34813,
  "icvs_csf": 0.3513634059948518,
  "icvs_gm": 0.47820970387848716,
  "icvs_wm": 0.17042689012666107,
  "inu_med": 0.8565746545791626,
  "inu_range": 0.1451897501945496,
  "provenance": {
    "md5sum": "bdd4343c65d0eb08f8d5c6f21247ec36",
    "settings": {
      "testing": false
    },
    "software": "mriqc",
    "version": "22.0.6",
    "warnings": {
      "large_rot_frame": true,
      "small_air_mask": false
    },
    "webapi_port": null,
    "webapi_url": "https://mriqc.nimh.nih.gov/api/v1"
  },
  "qi_1": 0.0,
  "qi_2": 0.00983622788872957,
  "rpve_csf": 15.482767924174174,
  "rpve_gm": 13.063883307756807,
  "rpve_wm": 39.038654822706455,
  "size_x": 204,
  "size_y": 256,
  "size_z": 256,
  "snr_csf": 12.192180185086057,
  "snr_gm": 11.138249965994383,
  "snr_total": 8.04525559997021,
  "snr_wm": 0.8053366488301891,
  "snrd_csf": 63.98261896767443,
  "snrd_gm": 42.66780017988724,
  "snrd_total": 49.38575757769653,
  "snrd_wm": 41.50685358552793,
  "spacing_x": 1.0,
  "spacing_y": 1.0,
  "spacing_z": 1.0,
  "summary_bg_k": 4.623422611482282,
  "summary_bg_mad": 15.869823849341234,
  "summary_bg_mean": 17.06993563732819,
  "summary_bg_median": 10.704033523797989,
  "summary_bg_n": 2748999.0,
  "summary_bg_p05": 0.0,
  "summary_bg_p95": 52.01187198609114,
  "summary_bg_stdv": 17.392540813112298,
  "summary_csf_k": 0.36683850554712727,
  "summary_csf_mad": 122.41405032878215,
  "summary_csf_mean": 1553.8049547709372,
  "summary_csf_median": 1549.8953995481133,
  "summary_csf_n": 30423.0,
  "summary_csf_p05": 1350.0219008401036,
  "summary_csf_p95": 1768.0581991724669,
  "summary_csf_stdv": 127.1199985057557,
  "summary_gm_k": 0.12164167395457293,
  "summary_gm_mad": 92.33352057798537,
  "summary_gm_mean": 1034.9225028576004,
  "summary_gm_median": 1033.5717461183667,
  "summary_gm_n": 192760.0,
  "summary_gm_p05": 885.0289536267519,
  "summary_gm_p95": 1188.9748510047793,
  "summary_gm_stdv": 92.79456542002137,
  "summary_wm_k": -1.807670419021561,
  "summary_wm_mad": 1395.3181941718522,
  "summary_wm_mean": 1421.7297067009465,
  "summary_wm_median": 1005.4493307694793,
  "summary_wm_n": 42386.0,
  "summary_wm_p05": 62.27801322937012,
  "summary_wm_p95": 3016.7372298911214,
  "summary_wm_stdv": 1248.4685398708011,
  "tpm_overlap_csf": 0.10953692927046059,
  "tpm_overlap_gm": 0.3052380242317194,
  "tpm_overlap_wm": 0.03652498734352329,
  "wm2max": 0.33537822354220426
}