{
  "bids_meta": {
    "AcquisitionMatrixPE": 256,
    "AcquisitionNumber": 1,
    "AcquisitionTime": "15:20:58.000000",
    "BodyPartExamined": "BRAIN",
    "CoilString": "32Ch Head",
    "ConversionSoftware": "dcm2niix",
    "ConversionSoftwareVersion": "v1.0.20211006",
    "Dcm2bidsVersion": "2.1.6",
    "DeviceSerialNumber": "000301496MR3T6MR",
    "EchoTime": 0.058683,
    "EchoTrainLength": 140,
    "FlipAngle": 90,
    "ImageOrientationPatientDICOM": [
      0,
      1,
      0,
      0,
      0,
      -1
    ],
    "ImageType": [
      "ORIGINAL",
      "PRIMARY",
      "OTHER"
    ],
    "ImagingFrequency": 127.697,
    "InPlanePhaseEncodingDirectionDICOM": "ROW",
    "InstitutionName": "NIH FMRIF",
    "MRAcquisitionType": "3D",
    "MagneticFieldStrength": 3,
    "Manufacturer": "GE",
    "ManufacturersModelName": "DISCOVERY MR750",
    "Modality": "MR",
    "ParallelReductionFactorInPlane": 2,
    "ParallelReductionOutOfPlane": 1.5,
    "PatientPosition": "HFS",
    "PercentPhaseFOV": 100,
    "PercentSampling": 100,
    "PhaseEncodingAxis": "i",
    "PixelBandwidth": 244.141,
    "ProcedureStepDescription": "MRI Brain",
    "ProtocolName": "ADNI3 FMRIF Enhanced Pro",
    "ReconMatrixPE": 256,
    "RepetitionTime": 3.202,
    "SAR": 0.3999,
    "ScanOptions": "SAT_GEMS\\EDR_GEMS\\PROMO_GEMS\\ACC_GEMS\\FS\\FR_GEMS",
    "ScanningSequence": "RM",
    "SequenceVariant": "NONE",
    "SeriesDescription": "Sag_CUBE_T2",
    "SeriesNumber": 6,
    "SliceThickness": 1,
    "SoftwareVersions": "27\\LX\\MR Software release:DV26.0_R01_1725.a",
    "SpacingBetweenSlices": 1,
    "StationName": "fmrif3tb",
    "acq_id": "CUBE",
    "dataset": "ds004215",
    "modality": "T2w",
    "session_id": "01",
    "subject_id": "ON93016"
  },
  "cjv": 0.21432790411268943,
  "cnr": 4.799813351805295,
  "efc": 0.40694746074052873,
  "fber": 7339.745794631172,
  "fwhm_avg": 2.32358,
  "fwhm_x": 1.89603,
  "fwhm_y": 2.50346,
  "fwhm_z": 2.57125,
  "icvs_csf": 0.2506834105562559,
  "icvs_gm": 0.6594248875299301,
  "icvs_wm": 0.08989170191381401,
  "inu_med": 0.8347687721252441,
  "inu_range": 0.44298599362373337,
  "provenance": {
    "md5sum": "9f1a2598090e4381f207999fc6067ea0",
    "settings": {
      "testing": false
    },
    "software": "mriqc",
    "version": "22.0.6",
    "warnings": {
      "large_rot_frame": true,
      "small_air_mask": false
    },
    "webapi_port": null,
    "webapi_url": "https://mriqc.nimh.nih.gov/api/v1"
  },
  "qi_1": 0.0,
  "qi_2": 0.012712572441102691,
  "rpve_csf": 23.4708989762874,
  "rpve_gm": 10.631232941202844,
  "rpve_wm": 62.18019446452305,
  "size_x": 204,
  "size_y": 256,
  "size_z": 256,
  "snr_csf": 6.096728005097806,
  "snr_gm": 11.055426805849185,
  "snr_total": 5.995842143677404,
  "snr_wm": 0.8353716200852191,
  "snrd_csf": 107.9586600041811,
  "snrd_gm": 45.425550481021034,
  "snrd_total": 53.10449135351529,
  "snrd_wm": 5.929263575343742,
  "spacing_x": 1.0,
  "spacing_y": 1.0,
  "spacing_z": 1.0,
  "summary_bg_k": 65.42339127635088,
  "summary_bg_mad": 110.69202153141819,
  "summary_bg_mean": 86.70714949532801,
  "summary_bg_median": 74.66063395142555,
  "summary_bg_n": 4338848.0,
  "summary_bg_p05": 0.0,
  "summary_bg_p95": 291.8552054464817,
  "summary_bg_stdv": 113.7598685770458,
  "summary_csf_k": 3.7416887884838577,
  "summary_csf_mad": 1930.0663390660009,
  "summary_csf_mean": 17741.266602501782,
  "summary_csf_median": 18240.7240960598,
  "summary_csf_n": 64525.0,
  "summary_csf_p05": 12288.506864237786,
  "summary_csf_p95": 21820.181132036443,
  "summary_csf_stdv": 2991.864280985402,
  "summary_gm_k": 0.01847536284045148,
  "summary_gm_mad": 695.0117230699955,
  "summary_gm_mean": 7704.320129360679,
  "summary_gm_median": 7675.113170206547,
  "summary_gm_n": 469097.0,
  "summary_gm_p05": 6618.099588930607,
  "summary_gm_p95": 8897.737612247467,
  "summary_gm_stdv": 694.2386869596022,
  "summary_wm_k": 5.2658350348275675,
  "summary_wm_mad": 735.2633672632384,
  "summary_wm_mean": 1417.5069246823252,
  "summary_wm_median": 1001.8099610209465,
  "summary_wm_n": 18701.0,
  "summary_wm_p05": 295.4751149713993,
  "summary_wm_p95": 3962.8959524035454,
  "summary_wm_stdv": 1199.206618523177,
  "tpm_overlap_csf": 0.15320482754836878,
  "tpm_overlap_gm": 0.4029233583654294,
  "tpm_overlap_wm": 0.033288931540240645,
  "wm2max": 0.042109667725431274
}