{
  "bids_meta": {
    "AcquisitionMatrixPE": 256,
    "AcquisitionNumber": 1,
    "AcquisitionTime": "15:10:23.000000",
    "BodyPartExamined": "BRAIN",
    "CoilString": "32Ch Head",
    "ConversionSoftware": "dcm2niix",
    "ConversionSoftwareVersion": "v1.0.20211006",
    "Dcm2bidsVersion": "2.1.6",
    "DeviceSerialNumber": "000301496MR3T6MR",
    "EchoTime": 0.003036,
    "FlipAngle": 11,
    "ImageOrientationPatientDICOM": [
      0,
      1,
      0,
      0,
      0,
      -1
    ],
    "ImageType": [
      "ORIGINAL",
      "PRIMARY",
      "OTHER"
    ],
    "ImagingFrequency": 127.697,
    "InPlanePhaseEncodingDirectionDICOM": "ROW",
    "InstitutionName": "NIH FMRIF",
    "InversionTime": 0.4,
    "MRAcquisitionType": "3D",
    "MagneticFieldStrength": 3,
    "Manufacturer": "GE",
    "ManufacturersModelName": "DISCOVERY MR750",
    "Modality": "MR",
    "ParallelReductionFactorInPlane": 1.72974,
    "PatientPosition": "HFS",
    "PercentPhaseFOV": 100,
    "PercentSampling": 100,
    "PixelBandwidth": 244.141,
    "ProcedureStepDescription": "MRI Brain",
    "ProtocolName": "ADNI3 FMRIF Enhanced Pro",
    "ReconMatrixPE": 256,
    "RepetitionTime": 0.007348,
    "SAR": 0.209021,
    "ScanOptions": "FAST_GEMS\\EDR_GEMS\\FILTERED_GEMS\\ACC_GEMS\\IR_GEMS",
    "ScanningSequence": "GR",
    "SequenceVariant": "SS\\SP\\SK",
    "SeriesDescription": "Accelerated Sagittal IR-FSPGR",
    "SeriesNumber": 4,
    "SliceThickness": 1.2,
    "SoftwareVersions": "27\\LX\\MR Software release:DV26.0_R01_1725.a",
    "SpacingBetweenSlices": 1.2,
    "SpoilingState": true,
    "StationName": "fmrif3tb",
    "acq_id": "FSPGR",
    "dataset": "ds004215",
    "modality": "T1w",
    "rec_id": "SCIC",
    "session_id": "01",
    "subject_id": "ON93016"
  },
  "cjv": 0.38881900637902017,
  "cnr": 3.5235819616444926,
  "efc": 0.5345117676189995,
  "fber": -1.0,
  "fwhm_avg": 3.183459439178493,
  "fwhm_x": 2.9191657571557545,
  "fwhm_y": 3.38984539912393,
  "fwhm_z": 3.241367161255795,
  "icvs_csf": 0.2844412794921442,
  "icvs_gm": 0.38385124896434125,
  "icvs_wm": 0.33170747154351454,
  "inu_med": 0.6656002998352051,
  "inu_range": 0.1911458969116211,
  "provenance": {
    "md5sum": "ac44412fc4a1361acf95a3ac0607b150",
    "settings": {
      "testing": false
    },
    "software": "mriqc",
    "version": "22.0.6",
    "warnings": {
      "large_rot_frame": true,
      "small_air_mask": false
    },
    "webapi_port": null,
    "webapi_url": "https://mriqc.nimh.nih.gov/api/v1"
  },
  "qi_1": 0.0,
  "qi_2": 0.00721642152638744,
  "rpve_csf": 26.581746787739124,
  "rpve_gm": 18.20318135286243,
  "rpve_wm": 24.36410489211707,
  "size_x": 196,
  "size_y": 256,
  "size_z": 256,
  "snr_csf": 2.4508954321764493,
  "snr_gm": 11.142421572975243,
  "snr_total": 10.960693459665997,
  "snr_wm": 19.2887633738463,
  "snrd_csf": 12.544329350317767,
  "snrd_gm": 37.671540363377446,
  "snrd_total": 34.478618077993175,
  "snrd_wm": 53.219984520284314,
  "spacing_x": 1.1999969482421875,
  "spacing_y": 1.0547000169754028,
  "spacing_z": 1.0547000169754028,
  "summary_bg_k": 10.85644433624314,
  "summary_bg_mad": 0.0,
  "summary_bg_mean": 7.494772417744066,
  "summary_bg_median": 0.0,
  "summary_bg_n": 1087793.0,
  "summary_bg_p05": 0.0,
  "summary_bg_p95": 33.9351393096149,
  "summary_bg_stdv": 12.309969961792083,
  "summary_csf_k": 1.5206982765578543,
  "summary_csf_mad": 76.83161071909768,
  "summary_csf_mean": 246.65415562433654,
  "summary_csf_median": 235.7071252539754,
  "summary_csf_n": 51686.0,
  "summary_csf_p05": 108.1578085385263,
  "summary_csf_p95": 433.46707502380013,
  "summary_csf_stdv": 96.17091042116353,
  "summary_gm_k": 0.1895137500838917,
  "summary_gm_mad": 62.70450810300553,
  "summary_gm_mean": 705.3978835449678,
  "summary_gm_median": 707.8457711823285,
  "summary_gm_n": 16636.0,
  "summary_gm_p05": 597.0411332231015,
  "summary_gm_p95": 804.2600155016407,
  "summary_gm_stdv": 63.52519438513409,
  "summary_wm_k": 0.24414876076052705,
  "summary_wm_mad": 50.89061527200449,
  "summary_wm_mean": 1001.3405531288771,
  "summary_wm_median": 1000.000016503036,
  "summary_wm_n": 132024.0,
  "summary_wm_p05": 918.923452142626,
  "summary_wm_p95": 1088.7105941399932,
  "summary_wm_stdv": 51.843459838461825,
  "tpm_overlap_csf": 0.15896825450278115,
  "tpm_overlap_gm": 0.423908319998653,
  "tpm_overlap_wm": 0.47652968392979456,
  "wm2max": 0.30355209742895806
}