{
  "bids_meta": {
    "AcquisitionMatrixPE": 256,
    "AcquisitionNumber": 1,
    "AcquisitionTime": "10:05:44.000000",
    "BodyPartExamined": "BRAIN",
    "CoilString": "32Ch Head",
    "ConversionSoftware": "dcm2niix",
    "ConversionSoftwareVersion": "v1.0.20211006",
    "Dcm2bidsVersion": "2.1.6",
    "DeviceSerialNumber": "000301496mr3T5mr",
    "EchoTime": 0.00292,
    "FlipAngle": 8,
    "ImageOrientationPatientDICOM": [
      0,
      1,
      0,
      0,
      0,
      -1
    ],
    "ImageType": [
      "ORIGINAL",
      "PRIMARY",
      "OTHER"
    ],
    "ImagingFrequency": 127.824,
    "InPlanePhaseEncodingDirectionDICOM": "ROW",
    "InstitutionName": "NIH FMRIF",
    "InversionTime": 1.06,
    "MRAcquisitionType": "3D",
    "MagneticFieldStrength": 3,
    "Manufacturer": "GE",
    "ManufacturersModelName": "DISCOVERY MR750",
    "Modality": "MR",
    "ParallelReductionFactorInPlane": 2,
    "ParallelReductionOutOfPlane": 2,
    "PatientPosition": "HFS",
    "PercentPhaseFOV": 100,
    "PercentSampling": 100,
    "PixelBandwidth": 244.141,
    "ProcedureStepDescription": "MRI Brain",
    "ProtocolName": "ADNI3 FMRIF Enhanced Pro",
    "ReconMatrixPE": 256,
    "RepetitionTime": 0.006952,
    "SAR": 0.0981688,
    "ScanOptions": "EDR_GEMS\\PROMO_GEMS\\ACC_GEMS\\IR_GEMS",
    "ScanningSequence": "RM",
    "SequenceVariant": "NONE",
    "SeriesDescription": "ORIG Anat T1w MP-RAGE 1mm (ABCD)",
    "SeriesNumber": 40003,
    "SliceThickness": 1,
    "SoftwareVersions": "27\\LX\\MR Software release:DV26.0_R03_1831.b",
    "SpacingBetweenSlices": 1,
    "StationName": "FMRI3ta",
    "acq_id": "MPRAGE",
    "dataset": "ds004215",
    "modality": "T1w",
    "session_id": "01",
    "subject_id": "ON46717"
  },
  "cjv": 0.39554614882533684,
  "cnr": 3.463418330956827,
  "efc": 0.40553947681603647,
  "fber": 2612.5381914520094,
  "fwhm_avg": 3.7004066666666673,
  "fwhm_x": 3.67274,
  "fwhm_y": 3.80209,
  "fwhm_z": 3.62639,
  "icvs_csf": 0.23970244504254873,
  "icvs_gm": 0.4180273550185435,
  "icvs_wm": 0.3422701999389078,
  "inu_med": 0.8903650343418121,
  "inu_range": 0.5137580782175064,
  "provenance": {
    "md5sum": "06c5371d20266a8b8e188ebeaf629ec1",
    "settings": {
      "testing": false
    },
    "software": "mriqc",
    "version": "22.0.6",
    "warnings": {
      "large_rot_frame": true,
      "small_air_mask": false
    },
    "webapi_port": null,
    "webapi_url": "https://mriqc.nimh.nih.gov/api/v1"
  },
  "qi_1": 0.0,
  "qi_2": 0.0015022388232905585,
  "rpve_csf": 32.81473653153665,
  "rpve_gm": 18.26244817486268,
  "rpve_wm": 25.41196667971655,
  "size_x": 208,
  "size_y": 256,
  "size_z": 256,
  "snr_csf": 1.4001041538782084,
  "snr_gm": 8.033533087413149,
  "snr_total": 8.5083855473259,
  "snr_wm": 16.091519400686344,
  "snrd_csf": 4.708664964509,
  "snrd_gm": 27.585206083704424,
  "snrd_total": 25.021546809384915,
  "snrd_wm": 42.77076937994132,
  "spacing_x": 1.0,
  "spacing_y": 1.0,
  "spacing_z": 1.0,
  "summary_bg_k": 2.4177331130377873,
  "summary_bg_mad": 15.31795321714082,
  "summary_bg_mean": 14.410629155984859,
  "summary_bg_median": 11.998222187161446,
  "summary_bg_n": 4620449.0,
  "summary_bg_p05": 0.0,
  "summary_bg_p95": 41.40127285569906,
  "summary_bg_stdv": 14.21358264635604,
  "summary_csf_k": 5.1432474619097786,
  "summary_csf_mad": 57.15408350911682,
  "summary_csf_mean": 125.62439812985616,
  "summary_csf_median": 110.09479803219438,
  "summary_csf_n": 57861.0,
  "summary_csf_p05": 38.32765420898795,
  "summary_csf_p95": 285.10590314492583,
  "summary_csf_stdv": 78.63261197392262,
  "summary_gm_k": 0.0668331843505654,
  "summary_gm_mad": 80.65259238702461,
  "summary_gm_mean": 644.8414978530409,
  "summary_gm_median": 644.9785056598485,
  "summary_gm_n": 18665.0,
  "summary_gm_p05": 512.4870262116194,
  "summary_gm_p95": 775.8702221497892,
  "summary_gm_stdv": 80.28363369615191,
  "summary_wm_k": 0.4431215585537851,
  "summary_wm_mad": 59.78943029916256,
  "summary_wm_mean": 1000.6971812375976,
  "summary_wm_median": 1000.0370066799223,
  "summary_wm_n": 146398.0,
  "summary_wm_p05": 900.4962003864348,
  "summary_wm_p95": 1103.2809679694474,
  "summary_wm_stdv": 62.14662309376709,
  "tpm_overlap_csf": 0.1435140719933491,
  "tpm_overlap_gm": 0.44150290871114944,
  "tpm_overlap_wm": 0.4704089805771087,
  "wm2max": 0.5061476177981032
}