{
  "bids_meta": {
    "AcquisitionMatrixPE": 256,
    "AcquisitionNumber": 1,
    "AcquisitionTime": "10:12:21.000000",
    "BodyPartExamined": "BRAIN",
    "CoilString": "32Ch Head",
    "ConversionSoftware": "dcm2niix",
    "ConversionSoftwareVersion": "v1.0.20211006",
    "Dcm2bidsVersion": "2.1.6",
    "DeviceSerialNumber": "000301496mr3T5mr",
    "EchoTime": 0.065685,
    "EchoTrainLength": 140,
    "FlipAngle": 90,
    "ImageOrientationPatientDICOM": [
      0,
      1,
      0,
      0,
      0,
      -1
    ],
    "ImageType": [
      "ORIGINAL",
      "PRIMARY",
      "OTHER"
    ],
    "ImagingFrequency": 127.824,
    "InPlanePhaseEncodingDirectionDICOM": "ROW",
    "InstitutionName": "NIH FMRIF",
    "MRAcquisitionType": "3D",
    "MagneticFieldStrength": 3,
    "Manufacturer": "GE",
    "ManufacturersModelName": "DISCOVERY MR750",
    "Modality": "MR",
    "ParallelReductionFactorInPlane": 2,
    "ParallelReductionOutOfPlane": 1.5,
    "PatientPosition": "HFS",
    "PercentPhaseFOV": 100,
    "PercentSampling": 100,
    "PhaseEncodingAxis": "i",
    "PixelBandwidth": 244.141,
    "ProcedureStepDescription": "MRI Brain",
    "ProtocolName": "ADNI3 FMRIF Enhanced Pro",
    "ReconMatrixPE": 256,
    "RepetitionTime": 3.202,
    "SAR": 0.4399,
    "ScanOptions": "SAT_GEMS\\EDR_GEMS\\PROMO_GEMS\\FILTERED_GEMS\\ACC_GEMS\\FS\\FR_GEMS",
    "ScanningSequence": "RM",
    "SequenceVariant": "NONE",
    "SeriesDescription": "Anat T2w CUBE (ABCD)",
    "SeriesNumber": 4,
    "SliceThickness": 1,
    "SoftwareVersions": "27\\LX\\MR Software release:DV26.0_R03_1831.b",
    "SpacingBetweenSlices": 1,
    "StationName": "FMRI3ta",
    "acq_id": "CUBE",
    "dataset": "ds004215",
    "modality": "T2w",
    "rec_id": "SCIC",
    "session_id": "01",
    "subject_id": "ON46717"
  },
  "cjv": 0.302787718601012,
  "cnr": 3.8971230501720537,
  "efc": 0.4155010062057169,
  "fber": 2934.1699492287876,
  "fwhm_avg": 2.3843900000000002,
  "fwhm_x": 1.91569,
  "fwhm_y": 2.70349,
  "fwhm_z": 2.53399,
  "icvs_csf": 0.2244312809426525,
  "icvs_gm": 0.7061722869230598,
  "icvs_wm": 0.06939643213428773,
  "inu_med": 0.7174939215183258,
  "inu_range": 0.13026798963546748,
  "provenance": {
    "md5sum": "42f03bb8f1ec6118c8108b9f51d8e88c",
    "settings": {
      "testing": false
    },
    "software": "mriqc",
    "version": "22.0.6",
    "warnings": {
      "large_rot_frame": true,
      "small_air_mask": false
    },
    "webapi_port": null,
    "webapi_url": "https://mriqc.nimh.nih.gov/api/v1"
  },
  "qi_1": 0.0,
  "qi_2": 0.017141816181177143,
  "rpve_csf": 31.6883140066263,
  "rpve_gm": 13.133468331423604,
  "rpve_wm": 105.02616898903987,
  "size_x": 204,
  "size_y": 256,
  "size_z": 256,
  "snr_csf": 7.654893918860144,
  "snr_gm": 10.426081869273832,
  "snr_total": 6.35285291857101,
  "snr_wm": 0.9775829675790553,
  "snrd_csf": 109.78887755349683,
  "snrd_gm": 46.25972920792042,
  "snrd_total": 54.82279111524179,
  "snrd_wm": 8.41976658430813,
  "spacing_x": 1.0,
  "spacing_y": 1.0,
  "spacing_z": 1.0,
  "summary_bg_k": 24.275027439705084,
  "summary_bg_mad": 77.73549159001644,
  "summary_bg_mean": 75.14504367887201,
  "summary_bg_median": 53.38078401982784,
  "summary_bg_n": 3082943.0,
  "summary_bg_p05": 0.0,
  "summary_bg_p95": 214.47212779521942,
  "summary_bg_stdv": 77.26802513669676,
  "summary_csf_k": 6.795723113369567,
  "summary_csf_mad": 1539.057210190574,
  "summary_csf_mean": 12840.873072130997,
  "summary_csf_median": 13027.046532198787,
  "summary_csf_n": 56852.0,
  "summary_csf_p05": 9924.923099256306,
  "summary_csf_p95": 14832.977767571807,
  "summary_csf_stdv": 1701.7782480018,
  "summary_gm_k": -0.1648104248425608,
  "summary_gm_mad": 545.5554183534638,
  "summary_gm_mean": 5512.3373213207105,
  "summary_gm_median": 5488.968084812164,
  "summary_gm_n": 377486.0,
  "summary_gm_p05": 4692.76403516531,
  "summary_gm_p95": 6408.541057527065,
  "summary_gm_stdv": 526.4643883679397,
  "summary_wm_k": 3.107783492151678,
  "summary_wm_mad": 813.9363237072308,
  "summary_wm_mean": 1327.4238008739796,
  "summary_wm_median": 999.0510289222002,
  "summary_wm_n": 5833.0,
  "summary_wm_p05": 261.2099698036909,
  "summary_wm_p95": 3359.3357751429076,
  "summary_wm_stdv": 1021.8727417954644,
  "tpm_overlap_csf": 0.14474397981018922,
  "tpm_overlap_gm": 0.42425367063926844,
  "tpm_overlap_wm": 0.030923086637830978,
  "wm2max": 0.06623464460418076
}