{
  "aor": 0.0026071859296482413,
  "aqi": 0.0021315025577889448,
  "bids_meta": {
    "AcquisitionMatrixPE": 64,
    "AcquisitionNumber": 1,
    "AcquisitionTime": "15:51:6.000000",
    "BodyPartExamined": "BRAIN",
    "CoilString": "32Ch Head",
    "ConversionSoftware": "dcm2niix",
    "ConversionSoftwareVersion": "v1.0.20211006",
    "Dcm2bidsVersion": "2.1.6",
    "DeviceSerialNumber": "000301496MR3T6MR",
    "EchoTime": 0.0169,
    "EffectiveEchoSpacing": 0.000416,
    "FlipAngle": 90,
    "ImageOrientationPatientDICOM": [
      1,
      0,
      0,
      0,
      1,
      0
    ],
    "ImageType": [
      "ORIGINAL",
      "PRIMARY",
      "OTHER"
    ],
    "ImagingFrequency": 127.697,
    "InPlanePhaseEncodingDirectionDICOM": "COL",
    "InstitutionName": "NIH FMRIF",
    "InternalPulseSequenceName": "EPI",
    "MRAcquisitionType": "2D",
    "MagneticFieldStrength": 3,
    "Manufacturer": "GE",
    "ManufacturersModelName": "DISCOVERY MR750",
    "Modality": "MR",
    "PatientPosition": "HFS",
    "PercentPhaseFOV": 100,
    "PercentSampling": 100,
    "PhaseEncodingDirection": "j",
    "PhaseEncodingPolarityGE": "Flipped",
    "PixelBandwidth": 7812.5,
    "ProcedureStepDescription": "MRI Brain",
    "ProtocolName": "ADNI3 FMRIF Enhanced Pro",
    "PulseSequenceName": "epi",
    "ReconMatrixPE": 64,
    "RepetitionTime": 3,
    "SAR": 0.167143,
    "ScanOptions": "MP_GEMS\\EPI_GEMS\\PFF",
    "ScanningSequence": "EP\\GR",
    "SequenceVariant": "SS",
    "SeriesDescription": "Axial rsfMRI with Eyes Open - RKV",
    "SeriesNumber": 10,
    "SliceThickness": 3.4,
    "SliceTiming": [
      0,
      1.5,
      0.0625,
      1.5625,
      0.125,
      1.625,
      0.1875,
      1.6875,
      0.25,
      1.75,
      0.3125,
      1.8125,
      0.375,
      1.875,
      0.4375,
      1.9375,
      0.5,
      2,
      0.5625,
      2.0625,
      0.625,
      2.125,
      0.6875,
      2.1875,
      0.75,
      2.25,
      0.8125,
      2.3125,
      0.875,
      2.375,
      0.9375,
      2.4375,
      1,
      2.5,
      1.0625,
      2.5625,
      1.125,
      2.625,
      1.1875,
      2.6875,
      1.25,
      2.75,
      1.3125,
      2.8125,
      1.375,
      2.875,
      1.4375,
      2.9375
    ],
    "SoftwareVersions": "27\\LX\\MR Software release:DV26.0_R03_1831.b",
    "SpacingBetweenSlices": 3.4,
    "StationName": "FMRI3tb",
    "TaskName": "Resting state with eyes open.",
    "TotalReadoutTime": 0.026208,
    "TriggerDelayTime": 599938,
    "dataset": "ds004215",
    "modality": "bold",
    "session_id": "01",
    "subject_id": "ON94856",
    "task_id": "rest"
  },
  "dummy_trs": 1,
  "dvars_nstd": 15.50748005772727,
  "dvars_std": 1.2602041032828282,
  "dvars_vstd": 0.9871647107575751,
  "efc": 0.4387073598892088,
  "fber": 5671.38427734375,
  "fd_mean": 0.15277224992586738,
  "fd_num": 49,
  "fd_perc": 24.623115577889447,
  "fwhm_avg": 2.709528667682289,
  "fwhm_x": 2.6486487272727275,
  "fwhm_y": 2.493373090909091,
  "fwhm_z": 2.986564184865049,
  "gcor": 0.029297,
  "gsr_x": -0.009279254823923111,
  "gsr_y": 0.024723315611481667,
  "provenance": {
    "md5sum": "75b6cdf0bc04c75d434a88b2fb362ad3",
    "settings": {
      "fd_thres": 0.2,
      "testing": false
    },
    "software": "mriqc",
    "version": "22.0.6",
    "webapi_port": null,
    "webapi_url": "https://mriqc.nimh.nih.gov/api/v1"
  },
  "size_t": 199,
  "size_x": 64,
  "size_y": 64,
  "size_z": 48,
  "snr": 4.276424411711935,
  "spacing_tr": 3.0,
  "spacing_x": 3.4375,
  "spacing_y": 3.4375,
  "spacing_z": 3.399993896484375,
  "summary_bg_k": 25.004697245350023,
  "summary_bg_mad": 8.858365011583395,
  "summary_bg_mean": 115.43540954589844,
  "summary_bg_median": 32.190956115722656,
  "summary_bg_n": 138085.0,
  "summary_bg_p05": 23.35175895690918,
  "summary_bg_p95": 564.1145629882806,
  "summary_bg_stdv": 231.07421875,
  "summary_fg_k": 1.6028837906984457,
  "summary_fg_mad": 491.1434756985866,
  "summary_fg_mean": 2520.683837890625,
  "summary_fg_median": 2436.889404296875,
  "summary_fg_n": 23523.0,
  "summary_fg_p05": 1722.5703002929688,
  "summary_fg_p95": 3557.6201171874986,
  "summary_fg_stdv": 569.8306274414062,
  "tsnr": 121.58829614520073
}