{
  "aor": 0.03755,
  "aqi": 0.0008780426666666666,
  "bids_meta": {
    "AcquisitionMatrixPE": 64,
    "AcquisitionNumber": 1,
    "AcquisitionTime": "16:01:57.000000",
    "BodyPartExamined": "BRAIN",
    "CoilString": "32Ch Head",
    "ConversionSoftware": "dcm2niix",
    "ConversionSoftwareVersion": "v1.0.20211006",
    "Dcm2bidsVersion": "2.1.6",
    "DeviceSerialNumber": "000301496MR3T6MR",
    "EchoTime": 0.0169,
    "EffectiveEchoSpacing": 0.000416,
    "FlipAngle": 90,
    "ImageOrientationPatientDICOM": [
      1,
      0,
      0,
      0,
      1,
      0
    ],
    "ImageType": [
      "ORIGINAL",
      "PRIMARY",
      "OTHER"
    ],
    "ImagingFrequency": 127.697,
    "InPlanePhaseEncodingDirectionDICOM": "COL",
    "InstitutionName": "NIH FMRIF",
    "InternalPulseSequenceName": "EPI",
    "MRAcquisitionType": "2D",
    "MagneticFieldStrength": 3,
    "Manufacturer": "GE",
    "ManufacturersModelName": "DISCOVERY MR750",
    "Modality": "MR",
    "PatientPosition": "HFS",
    "PercentPhaseFOV": 100,
    "PercentSampling": 100,
    "PhaseEncodingDirection": "j",
    "PhaseEncodingPolarityGE": "Flipped",
    "PixelBandwidth": 7812.5,
    "ProcedureStepDescription": "MRI Brain",
    "ProtocolName": "ADNI3 FMRIF Enhanced Pro",
    "PulseSequenceName": "epi",
    "ReconMatrixPE": 64,
    "RepetitionTime": 3,
    "SAR": 0.166815,
    "ScanOptions": "MP_GEMS\\EPI_GEMS\\PFF",
    "ScanningSequence": "EP\\GR",
    "SequenceVariant": "SS",
    "SeriesDescription": "Axial rsfMRI reverse blip - RKV",
    "SeriesNumber": 11,
    "SliceThickness": 3.4,
    "SliceTiming": [
      0,
      1.5,
      0.0625,
      1.5625,
      0.125,
      1.625,
      0.1875,
      1.6875,
      0.25,
      1.75,
      0.3125,
      1.8125,
      0.375,
      1.875,
      0.4375,
      1.9375,
      0.5,
      2,
      0.5625,
      2.0625,
      0.625,
      2.125,
      0.6875,
      2.1875,
      0.75,
      2.25,
      0.8125,
      2.3125,
      0.875,
      2.375,
      0.9375,
      2.4375,
      1,
      2.5,
      1.0625,
      2.5625,
      1.125,
      2.625,
      1.1875,
      2.6875,
      1.25,
      2.75,
      1.3125,
      2.8125,
      1.375,
      2.875,
      1.4375,
      2.9375
    ],
    "SoftwareVersions": "27\\LX\\MR Software release:DV26.0_R03_1831.b",
    "SpacingBetweenSlices": 3.4,
    "StationName": "FMRI3tb",
    "TaskName": "Resting state with reverse blip.",
    "TotalReadoutTime": 0.026208,
    "TriggerDelayTime": 29938,
    "dataset": "ds004215",
    "modality": "bold",
    "session_id": "01",
    "subject_id": "ON94856",
    "task_id": "rest"
  },
  "dummy_trs": 1,
  "dvars_nstd": 15.65004181875,
  "dvars_std": 1.4263793825,
  "dvars_vstd": 1.35547052375,
  "efc": 0.43849477887504473,
  "fber": 5759.57177734375,
  "fd_mean": 0.12919262255659242,
  "fd_num": 1,
  "fd_perc": 11.11111111111111,
  "fwhm_avg": 2.6934177497059077,
  "fwhm_x": 2.6609454545454545,
  "fwhm_y": 2.4595083636363637,
  "fwhm_z": 2.959799430935904,
  "gcor": 0.0622742,
  "gsr_x": -0.009580186568200588,
  "gsr_y": 0.026965873315930367,
  "provenance": {
    "md5sum": "8dbace45d29ca2780ec466d76d985d35",
    "settings": {
      "fd_thres": 0.2,
      "testing": false
    },
    "software": "mriqc",
    "version": "22.0.6",
    "webapi_port": null,
    "webapi_url": "https://mriqc.nimh.nih.gov/api/v1"
  },
  "size_t": 9,
  "size_x": 64,
  "size_y": 64,
  "size_z": 48,
  "snr": 4.282938907001368,
  "spacing_tr": 3.0,
  "spacing_x": 3.4375,
  "spacing_y": 3.4375,
  "spacing_z": 3.399993896484375,
  "summary_bg_k": 29.024407367326624,
  "summary_bg_mad": 8.071942898228887,
  "summary_bg_mean": 117.72759246826172,
  "summary_bg_median": 31.88888931274414,
  "summary_bg_n": 138229.0,
  "summary_bg_p05": 23.77777862548828,
  "summary_bg_p95": 581.0,
  "summary_bg_stdv": 243.61622619628906,
  "summary_fg_k": 1.4773263537574248,
  "summary_fg_mad": 492.7183785923165,
  "summary_fg_mean": 2518.12939453125,
  "summary_fg_median": 2435.666748046875,
  "summary_fg_n": 23475.0,
  "summary_fg_p05": 1720.355554199219,
  "summary_fg_p95": 3556.5556640625,
  "summary_fg_stdv": 568.6784057617188,
  "tsnr": 170.46906607970595
}