{
  "aor": 0.003175226130653266,
  "aqi": 0.0014616686432160804,
  "bids_meta": {
    "AcquisitionMatrixPE": 64,
    "AcquisitionNumber": 1,
    "AcquisitionTime": "14:40:8.000000",
    "BodyPartExamined": "BRAIN",
    "CoilString": "32Ch Head",
    "ConversionSoftware": "dcm2niix",
    "ConversionSoftwareVersion": "v1.0.20211006",
    "Dcm2bidsVersion": "2.1.6",
    "DeviceSerialNumber": "000301496MR3T6MR",
    "EchoTime": 0.0169,
    "EffectiveEchoSpacing": 0.000416,
    "FlipAngle": 90,
    "ImageOrientationPatientDICOM": [
      1,
      0,
      0,
      0,
      1,
      0
    ],
    "ImageType": [
      "ORIGINAL",
      "PRIMARY",
      "OTHER"
    ],
    "ImagingFrequency": 127.697,
    "InPlanePhaseEncodingDirectionDICOM": "COL",
    "InstitutionName": "NIH FMRIF",
    "InternalPulseSequenceName": "EPI",
    "MRAcquisitionType": "2D",
    "MagneticFieldStrength": 3,
    "Manufacturer": "GE",
    "ManufacturersModelName": "DISCOVERY MR750",
    "Modality": "MR",
    "PatientPosition": "HFS",
    "PercentPhaseFOV": 100,
    "PercentSampling": 100,
    "PhaseEncodingDirection": "j",
    "PhaseEncodingPolarityGE": "Flipped",
    "PixelBandwidth": 7812.5,
    "ProcedureStepDescription": "MRI Brain",
    "ProtocolName": "ADNI3 FMRIF Enhanced Pro",
    "PulseSequenceName": "epi",
    "ReconMatrixPE": 64,
    "RepetitionTime": 3,
    "SAR": 0.171968,
    "ScanOptions": "MP_GEMS\\EPI_GEMS\\PFF",
    "ScanningSequence": "EP\\GR",
    "SequenceVariant": "SS",
    "SeriesDescription": "Axial rsfMRI with Eyes Open - RKV",
    "SeriesNumber": 11,
    "SliceThickness": 3.4,
    "SliceTiming": [
      0,
      1.5,
      0.0625,
      1.5625,
      0.125,
      1.625,
      0.1875,
      1.6875,
      0.25,
      1.75,
      0.3125,
      1.8125,
      0.375,
      1.875,
      0.4375,
      1.9375,
      0.5,
      2,
      0.5625,
      2.0625,
      0.625,
      2.125,
      0.6875,
      2.1875,
      0.75,
      2.25,
      0.8125,
      2.3125,
      0.875,
      2.375,
      0.9375,
      2.4375,
      1,
      2.5,
      1.0625,
      2.5625,
      1.125,
      2.625,
      1.1875,
      2.6875,
      1.25,
      2.75,
      1.3125,
      2.8125,
      1.375,
      2.875,
      1.4375,
      2.9375
    ],
    "SoftwareVersions": "27\\LX\\MR Software release:DV26.0_R01_1725.a",
    "SpacingBetweenSlices": 3.4,
    "StationName": "fmrif3tb",
    "TaskName": "Resting state with eyes open.",
    "TotalReadoutTime": 0.026208,
    "TriggerDelayTime": 599938,
    "dataset": "ds004215",
    "modality": "bold",
    "session_id": "01",
    "subject_id": "ON06910",
    "task_id": "rest"
  },
  "dummy_trs": 1,
  "dvars_nstd": 9.830851207828278,
  "dvars_std": 1.2297147794949501,
  "dvars_vstd": 1.0058454589898995,
  "efc": 0.5041059258312309,
  "fber": 3472.95166015625,
  "fd_mean": 0.02957016321107433,
  "fd_num": 1,
  "fd_perc": 0.5025125628140703,
  "fwhm_avg": 2.7771832100139497,
  "fwhm_x": 2.3623825454545453,
  "fwhm_y": 2.7855214545454543,
  "fwhm_z": 3.1836456300418496,
  "gcor": 0.0324351,
  "gsr_x": -0.014361078850924969,
  "gsr_y": 0.06995068490505219,
  "provenance": {
    "md5sum": "59836c78c69b4790d1903e9c49661108",
    "settings": {
      "fd_thres": 0.2,
      "testing": false
    },
    "software": "mriqc",
    "version": "22.0.6",
    "webapi_port": null,
    "webapi_url": "https://mriqc.nimh.nih.gov/api/v1"
  },
  "size_t": 199,
  "size_x": 64,
  "size_y": 64,
  "size_z": 48,
  "snr": 3.892851326542192,
  "spacing_tr": 3.0,
  "spacing_x": 3.4375,
  "spacing_y": 3.4375,
  "spacing_z": 3.4000015258789062,
  "summary_bg_k": 17.605603007386094,
  "summary_bg_mad": 18.60330572152193,
  "summary_bg_mean": 205.6197509765625,
  "summary_bg_median": 41.97990036010742,
  "summary_bg_n": 127208.0,
  "summary_bg_p05": 23.965075302124028,
  "summary_bg_p95": 1140.7605346679682,
  "summary_bg_stdv": 431.7641296386719,
  "summary_fg_k": 1.0855852553924166,
  "summary_fg_mad": 577.8237637286361,
  "summary_fg_mean": 2569.427734375,
  "summary_fg_median": 2501.974853515625,
  "summary_fg_n": 27972.0,
  "summary_fg_p05": 1634.188427734375,
  "summary_fg_p95": 3691.5602294921873,
  "summary_fg_stdv": 642.6986083984375,
  "tsnr": 133.26729942671955
}