{
  "aor": 0.040986666666666664,
  "aqi": 0.0006407104444444444,
  "bids_meta": {
    "AcquisitionMatrixPE": 64,
    "AcquisitionNumber": 1,
    "AcquisitionTime": "14:51:11.000000",
    "BodyPartExamined": "BRAIN",
    "CoilString": "32Ch Head",
    "ConversionSoftware": "dcm2niix",
    "ConversionSoftwareVersion": "v1.0.20211006",
    "Dcm2bidsVersion": "2.1.6",
    "DeviceSerialNumber": "000301496MR3T6MR",
    "EchoTime": 0.0169,
    "EffectiveEchoSpacing": 0.000416,
    "FlipAngle": 90,
    "ImageOrientationPatientDICOM": [
      1,
      0,
      0,
      0,
      1,
      0
    ],
    "ImageType": [
      "ORIGINAL",
      "PRIMARY",
      "OTHER"
    ],
    "ImagingFrequency": 127.697,
    "InPlanePhaseEncodingDirectionDICOM": "COL",
    "InstitutionName": "NIH FMRIF",
    "InternalPulseSequenceName": "EPI",
    "MRAcquisitionType": "2D",
    "MagneticFieldStrength": 3,
    "Manufacturer": "GE",
    "ManufacturersModelName": "DISCOVERY MR750",
    "Modality": "MR",
    "PatientPosition": "HFS",
    "PercentPhaseFOV": 100,
    "PercentSampling": 100,
    "PhaseEncodingDirection": "j-",
    "PhaseEncodingPolarityGE": "Unflipped",
    "PixelBandwidth": 7812.5,
    "ProcedureStepDescription": "MRI Brain",
    "ProtocolName": "ADNI3 FMRIF Enhanced Pro",
    "PulseSequenceName": "epi",
    "ReconMatrixPE": 64,
    "RepetitionTime": 3,
    "SAR": 0.17223,
    "ScanOptions": "MP_GEMS\\EPI_GEMS\\PFF",
    "ScanningSequence": "EP\\GR",
    "SequenceVariant": "SS",
    "SeriesDescription": "Axial rsfMRI reverse blip - RKV",
    "SeriesNumber": 12,
    "SliceThickness": 3.4,
    "SliceTiming": [
      0,
      1.5,
      0.0625,
      1.5625,
      0.125,
      1.625,
      0.1875,
      1.6875,
      0.25,
      1.75,
      0.3125,
      1.8125,
      0.375,
      1.875,
      0.4375,
      1.9375,
      0.5,
      2,
      0.5625,
      2.0625,
      0.625,
      2.125,
      0.6875,
      2.1875,
      0.75,
      2.25,
      0.8125,
      2.3125,
      0.875,
      2.375,
      0.9375,
      2.4375,
      1,
      2.5,
      1.0625,
      2.5625,
      1.125,
      2.625,
      1.1875,
      2.6875,
      1.25,
      2.75,
      1.3125,
      2.8125,
      1.375,
      2.875,
      1.4375,
      2.9375
    ],
    "SoftwareVersions": "27\\LX\\MR Software release:DV26.0_R01_1725.a",
    "SpacingBetweenSlices": 3.4,
    "StationName": "fmrif3tb",
    "TaskName": "Resting state with reverse blip.",
    "TotalReadoutTime": 0.026208,
    "TriggerDelayTime": 29938,
    "dataset": "ds004215",
    "modality": "bold",
    "session_id": "01",
    "subject_id": "ON06910",
    "task_id": "rest"
  },
  "dummy_trs": 1,
  "dvars_nstd": 12.412436128750002,
  "dvars_std": 1.4778631637500002,
  "dvars_vstd": 1.41274790375,
  "efc": 0.503410633232418,
  "fber": 3796.294677734375,
  "fd_mean": 0.03417817000215832,
  "fd_num": 0,
  "fd_perc": 0.0,
  "fwhm_avg": 2.6943295723155103,
  "fwhm_x": 2.3336203636363635,
  "fwhm_y": 2.7712814545454547,
  "fwhm_z": 2.978086898764712,
  "gcor": 0.0204145,
  "gsr_x": -0.010683467611670494,
  "gsr_y": 0.06693462282419205,
  "provenance": {
    "md5sum": "56aebf5ac021305c86a1ac4aa02f9a81",
    "settings": {
      "fd_thres": 0.2,
      "testing": false
    },
    "software": "mriqc",
    "version": "22.0.6",
    "webapi_port": null,
    "webapi_url": "https://mriqc.nimh.nih.gov/api/v1"
  },
  "size_t": 9,
  "size_x": 64,
  "size_y": 64,
  "size_z": 48,
  "snr": 4.054512153735529,
  "spacing_tr": 3.0,
  "spacing_x": 3.4375,
  "spacing_y": 3.4375,
  "spacing_z": 3.4000015258789062,
  "summary_bg_k": 16.15090163735686,
  "summary_bg_mad": 16.802826085676593,
  "summary_bg_mean": 204.45204162597656,
  "summary_bg_median": 40.77777862548828,
  "summary_bg_n": 127666.0,
  "summary_bg_p05": 24.44444465637207,
  "summary_bg_p95": 1146.5277709960938,
  "summary_bg_stdv": 433.3294677734375,
  "summary_fg_k": 1.065839690400841,
  "summary_fg_mad": 541.6438898395692,
  "summary_fg_mean": 2582.077880859375,
  "summary_fg_median": 2530.333251953125,
  "summary_fg_n": 28141.0,
  "summary_fg_p05": 1617.888916015625,
  "summary_fg_p95": 3653.111083984375,
  "summary_fg_stdv": 624.0672607421875,
  "tsnr": 184.272707156837
}