{
  "bids_meta": {
    "AcquisitionMatrixPE": 256,
    "AcquisitionNumber": 1,
    "AcquisitionTime": "16:14:59.000000",
    "BodyPartExamined": "BRAIN",
    "CoilString": "32Ch Head",
    "ConversionSoftware": "dcm2niix",
    "ConversionSoftwareVersion": "v1.0.20211006",
    "Dcm2bidsVersion": "2.1.6",
    "DeviceSerialNumber": "000301496MR3T6MR",
    "EchoTime": 0.065685,
    "EchoTrainLength": 140,
    "FlipAngle": 90,
    "ImageOrientationPatientDICOM": [
      0,
      1,
      0,
      0,
      0,
      -1
    ],
    "ImageType": [
      "ORIGINAL",
      "PRIMARY",
      "OTHER"
    ],
    "ImagingFrequency": 127.697,
    "InPlanePhaseEncodingDirectionDICOM": "ROW",
    "InstitutionName": "NIH FMRIF",
    "MRAcquisitionType": "3D",
    "MagneticFieldStrength": 3,
    "Manufacturer": "GE",
    "ManufacturersModelName": "DISCOVERY MR750",
    "Modality": "MR",
    "ParallelReductionFactorInPlane": 2,
    "ParallelReductionOutOfPlane": 1.5,
    "PatientPosition": "HFS",
    "PercentPhaseFOV": 100,
    "PercentSampling": 100,
    "PhaseEncodingAxis": "i",
    "PixelBandwidth": 244.141,
    "ProcedureStepDescription": "MRI Brain",
    "ProtocolName": "ADNI3 FMRIF Enhanced Pro",
    "ReconMatrixPE": 256,
    "RepetitionTime": 3.202,
    "SAR": 0.4555,
    "ScanOptions": "SAT_GEMS\\EDR_GEMS\\PROMO_GEMS\\FILTERED_GEMS\\ACC_GEMS\\FS\\FR_GEMS",
    "ScanningSequence": "RM",
    "SequenceVariant": "NONE",
    "SeriesDescription": "Anat T2w CUBE (ABCD)",
    "SeriesNumber": 4,
    "SliceThickness": 1,
    "SoftwareVersions": "27\\LX\\MR Software release:DV26.0_R01_1725.a",
    "SpacingBetweenSlices": 1,
    "StationName": "fmrif3tb",
    "acq_id": "CUBE",
    "dataset": "ds004215",
    "modality": "T2w",
    "rec_id": "SCIC",
    "session_id": "01",
    "subject_id": "ON89475"
  },
  "cjv": 0.2470872086127312,
  "cnr": 4.649511696555363,
  "efc": 0.40794317343589215,
  "fber": 4056.3448941013085,
  "fwhm_avg": 2.313,
  "fwhm_x": 1.99302,
  "fwhm_y": 2.53449,
  "fwhm_z": 2.41149,
  "icvs_csf": 0.21302588424727015,
  "icvs_gm": 0.711755477062606,
  "icvs_wm": 0.07521863869012388,
  "inu_med": 0.7075803577899933,
  "inu_range": 0.16032609641551965,
  "provenance": {
    "md5sum": "7e26e0fbd88235d2a8e1bc5f4bc5e2c6",
    "settings": {
      "testing": false
    },
    "software": "mriqc",
    "version": "22.0.6",
    "warnings": {
      "large_rot_frame": true,
      "small_air_mask": false
    },
    "webapi_port": null,
    "webapi_url": "https://mriqc.nimh.nih.gov/api/v1"
  },
  "qi_1": 0.0,
  "qi_2": 0.016941893106958417,
  "rpve_csf": 28.959278835269327,
  "rpve_gm": 11.707977155262801,
  "rpve_wm": 92.00394886461528,
  "size_x": 204,
  "size_y": 256,
  "size_z": 256,
  "snr_csf": 6.802960647776527,
  "snr_gm": 9.549034058450772,
  "snr_total": 5.751082810348471,
  "snr_wm": 0.9012537248181133,
  "snrd_csf": 130.67430658551166,
  "snrd_gm": 49.593370703962805,
  "snrd_total": 62.36545358921918,
  "snrd_wm": 6.828683478183092,
  "spacing_x": 1.0,
  "spacing_y": 1.0,
  "spacing_z": 1.0,
  "summary_bg_k": 59.70426162340845,
  "summary_bg_mad": 95.93890117644422,
  "summary_bg_mean": 71.98857630113385,
  "summary_bg_median": 69.71314096450806,
  "summary_bg_n": 3160929.0,
  "summary_bg_p05": 0.0,
  "summary_bg_p95": 199.46630764007568,
  "summary_bg_stdv": 68.67373638691203,
  "summary_csf_k": 6.4568728974519,
  "summary_csf_mad": 1862.8960862456977,
  "summary_csf_mean": 18367.467266902342,
  "summary_csf_median": 19136.090416908264,
  "summary_csf_n": 42725.0,
  "summary_csf_p05": 12446.630885601044,
  "summary_csf_p95": 20929.219140338897,
  "summary_csf_stdv": 2812.8733152333148,
  "summary_gm_k": -0.18907131646038522,
  "summary_gm_mad": 784.8197740567884,
  "summary_gm_mean": 7304.393516963293,
  "summary_gm_median": 7262.508221149445,
  "summary_gm_n": 425686.0,
  "summary_gm_p05": 6124.416178226471,
  "summary_gm_p95": 8619.746357917786,
  "summary_gm_stdv": 760.5480979889164,
  "summary_wm_k": 3.4661162055894366,
  "summary_wm_mad": 762.5659052272009,
  "summary_wm_mean": 1363.3376048208188,
  "summary_wm_median": 999.9999837875366,
  "summary_wm_n": 12505.0,
  "summary_wm_p05": 271.51433849334717,
  "summary_wm_p95": 3657.104677200316,
  "summary_wm_stdv": 1109.521072086778,
  "tpm_overlap_csf": 0.15761315463992667,
  "tpm_overlap_gm": 0.4254296491135551,
  "tpm_overlap_wm": 0.018178695027886677,
  "wm2max": 0.04780050702339004
}