{
  "bids_meta": {
    "AcquisitionMatrixPE": 256,
    "AcquisitionNumber": 1,
    "AcquisitionTime": "16:08:24.000000",
    "BodyPartExamined": "BRAIN",
    "CoilString": "32Ch Head",
    "ConversionSoftware": "dcm2niix",
    "ConversionSoftwareVersion": "v1.0.20211006",
    "Dcm2bidsVersion": "2.1.6",
    "DeviceSerialNumber": "000301496MR3T6MR",
    "EchoTime": 0.00292,
    "FlipAngle": 8,
    "ImageOrientationPatientDICOM": [
      0,
      1,
      0,
      0,
      0,
      -1
    ],
    "ImageType": [
      "ORIGINAL",
      "PRIMARY",
      "OTHER"
    ],
    "ImagingFrequency": 127.697,
    "InPlanePhaseEncodingDirectionDICOM": "ROW",
    "InstitutionName": "NIH FMRIF",
    "InversionTime": 1.06,
    "MRAcquisitionType": "3D",
    "MagneticFieldStrength": 3,
    "Manufacturer": "GE",
    "ManufacturersModelName": "DISCOVERY MR750",
    "Modality": "MR",
    "ParallelReductionFactorInPlane": 2,
    "ParallelReductionOutOfPlane": 2,
    "PatientPosition": "HFS",
    "PercentPhaseFOV": 100,
    "PercentSampling": 100,
    "PixelBandwidth": 244.141,
    "ProcedureStepDescription": "MRI Brain",
    "ProtocolName": "ADNI3 FMRIF Enhanced Pro",
    "ReconMatrixPE": 256,
    "RepetitionTime": 0.006952,
    "SAR": 0.0974,
    "ScanOptions": "EDR_GEMS\\PROMO_GEMS\\ACC_GEMS\\IR_GEMS",
    "ScanningSequence": "RM",
    "SequenceVariant": "NONE",
    "SeriesDescription": "ORIG Anat T1w MP-RAGE 1mm (ABCD)",
    "SeriesNumber": 40003,
    "SliceThickness": 1,
    "SoftwareVersions": "27\\LX\\MR Software release:DV26.0_R01_1725.a",
    "SpacingBetweenSlices": 1,
    "StationName": "fmrif3tb",
    "acq_id": "MPRAGE",
    "dataset": "ds004215",
    "modality": "T1w",
    "session_id": "01",
    "subject_id": "ON89475"
  },
  "cjv": 0.3534804745490194,
  "cnr": 3.7681514634841276,
  "efc": 0.40320167415576813,
  "fber": 7107.1202943488515,
  "fwhm_avg": 3.69621,
  "fwhm_x": 3.72768,
  "fwhm_y": 3.79169,
  "fwhm_z": 3.56926,
  "icvs_csf": 0.2666615400751097,
  "icvs_gm": 0.42915242899083117,
  "icvs_wm": 0.3041860309340591,
  "inu_med": 0.863821804523468,
  "inu_range": 0.4253722488880157,
  "provenance": {
    "md5sum": "d5c180a19009cfeb2fc7ab1dd6af272b",
    "settings": {
      "testing": false
    },
    "software": "mriqc",
    "version": "22.0.6",
    "warnings": {
      "large_rot_frame": true,
      "small_air_mask": false
    },
    "webapi_port": null,
    "webapi_url": "https://mriqc.nimh.nih.gov/api/v1"
  },
  "qi_1": 0.0,
  "qi_2": 0.0017198233874225434,
  "rpve_csf": 26.71054596608473,
  "rpve_gm": 16.17346719787262,
  "rpve_wm": 25.489971772117165,
  "size_x": 208,
  "size_y": 256,
  "size_z": 256,
  "snr_csf": 1.087849833868009,
  "snr_gm": 8.508182316846069,
  "snr_total": 8.863973890504809,
  "snr_wm": 16.995889520800347,
  "snrd_csf": 5.9955032580816106,
  "snrd_gm": 34.11335113944381,
  "snrd_total": 31.1947310023619,
  "snrd_wm": 53.47533860956028,
  "spacing_x": 1.0,
  "spacing_y": 1.0,
  "spacing_z": 1.0,
  "summary_bg_k": 1.7265617649164726,
  "summary_bg_mad": 12.251618828374424,
  "summary_bg_mean": 12.972832579897002,
  "summary_bg_median": 8.263591323047876,
  "summary_bg_n": 4313189.0,
  "summary_bg_p05": 0.0,
  "summary_bg_p95": 36.394966039806604,
  "summary_bg_stdv": 12.228128796909873,
  "summary_csf_k": 1.878947352067577,
  "summary_csf_mad": 72.2845510874091,
  "summary_csf_mean": 142.31416948095833,
  "summary_csf_median": 112.1211103554815,
  "summary_csf_n": 54502.0,
  "summary_csf_p05": 30.55770578607917,
  "summary_csf_p95": 364.54745211079717,
  "summary_csf_stdv": 103.06577090315001,
  "summary_gm_k": 0.019293489723318125,
  "summary_gm_mad": 74.08319300051087,
  "summary_gm_mean": 634.9217478954702,
  "summary_gm_median": 637.949250139296,
  "summary_gm_n": 25264.0,
  "summary_gm_p05": 507.35461764950304,
  "summary_gm_p95": 753.9911708459258,
  "summary_gm_stdv": 74.97919068955517,
  "summary_wm_k": 0.9525554523026307,
  "summary_wm_mad": 53.907122844847464,
  "summary_wm_mean": 997.0149670518023,
  "summary_wm_median": 1000.0352069623768,
  "summary_wm_n": 138805.0,
  "summary_wm_p05": 895.3935258597136,
  "summary_wm_p95": 1086.7853337451816,
  "summary_wm_stdv": 58.839615509942476,
  "tpm_overlap_csf": 0.15085245180662557,
  "tpm_overlap_gm": 0.4595932015571439,
  "tpm_overlap_wm": 0.4855609696124466,
  "wm2max": 0.5106730056631288
}