{
  "aor": 0.0014985929648241208,
  "aqi": 0.0016817205226130655,
  "bids_meta": {
    "AcquisitionMatrixPE": 64,
    "AcquisitionNumber": 1,
    "AcquisitionTime": "12:10:59.000000",
    "BodyPartExamined": "BRAIN",
    "CoilString": "32Ch Head",
    "ConversionSoftware": "dcm2niix",
    "ConversionSoftwareVersion": "v1.0.20211006",
    "Dcm2bidsVersion": "2.1.6",
    "DeviceSerialNumber": "000301496mr3T5mr",
    "EchoTime": 0.0169,
    "EffectiveEchoSpacing": 0.000416,
    "FlipAngle": 90,
    "ImageOrientationPatientDICOM": [
      1,
      0,
      0,
      0,
      1,
      0
    ],
    "ImageType": [
      "ORIGINAL",
      "PRIMARY",
      "OTHER"
    ],
    "ImagingFrequency": 127.824,
    "InPlanePhaseEncodingDirectionDICOM": "COL",
    "InstitutionName": "NIH FMRIF",
    "InternalPulseSequenceName": "EPI",
    "MRAcquisitionType": "2D",
    "MagneticFieldStrength": 3,
    "Manufacturer": "GE",
    "ManufacturersModelName": "DISCOVERY MR750",
    "Modality": "MR",
    "PatientPosition": "HFS",
    "PercentPhaseFOV": 100,
    "PercentSampling": 100,
    "PhaseEncodingDirection": "j",
    "PhaseEncodingPolarityGE": "Flipped",
    "PixelBandwidth": 7812.5,
    "ProcedureStepDescription": "MRI Brain",
    "ProtocolName": "ADNI3 FMRIF Enhanced Pro",
    "PulseSequenceName": "epi",
    "ReconMatrixPE": 64,
    "RepetitionTime": 3,
    "SAR": 0.149056,
    "ScanOptions": "MP_GEMS\\EPI_GEMS\\PFF",
    "ScanningSequence": "EP\\GR",
    "SequenceVariant": "SS",
    "SeriesDescription": "Axial rsfMRI with Eyes Open - RKV",
    "SeriesNumber": 10,
    "SliceThickness": 3.4,
    "SliceTiming": [
      0,
      1.5,
      0.0625,
      1.5625,
      0.125,
      1.625,
      0.1875,
      1.6875,
      0.25,
      1.75,
      0.3125,
      1.8125,
      0.375,
      1.875,
      0.4375,
      1.9375,
      0.5,
      2,
      0.5625,
      2.0625,
      0.625,
      2.125,
      0.6875,
      2.1875,
      0.75,
      2.25,
      0.8125,
      2.3125,
      0.875,
      2.375,
      0.9375,
      2.4375,
      1,
      2.5,
      1.0625,
      2.5625,
      1.125,
      2.625,
      1.1875,
      2.6875,
      1.25,
      2.75,
      1.3125,
      2.8125,
      1.375,
      2.875,
      1.4375,
      2.9375
    ],
    "SoftwareVersions": "27\\LX\\MR Software release:DV26.0_R03_1831.b",
    "SpacingBetweenSlices": 3.4,
    "StationName": "FMRI3ta",
    "TaskName": "Resting state with eyes open.",
    "TotalReadoutTime": 0.026208,
    "TriggerDelayTime": 599938,
    "dataset": "ds004215",
    "modality": "bold",
    "session_id": "01",
    "subject_id": "ON85616",
    "task_id": "rest"
  },
  "dummy_trs": 1,
  "dvars_nstd": 8.075673963080803,
  "dvars_std": 1.1640075876262628,
  "dvars_vstd": 0.9538329110101014,
  "efc": 0.44787273655981336,
  "fber": 5002.42822265625,
  "fd_mean": 0.02718055019451033,
  "fd_num": 0,
  "fd_perc": 0.0,
  "fwhm_avg": 2.70700164937644,
  "fwhm_x": 2.575834181818182,
  "fwhm_y": 2.510260363636364,
  "fwhm_z": 3.034910402674775,
  "gcor": 0.0201649,
  "gsr_x": -0.0021112635731697083,
  "gsr_y": 0.030891304835677147,
  "provenance": {
    "md5sum": "aa38807947dfd3dd3541660fd53630be",
    "settings": {
      "fd_thres": 0.2,
      "testing": false
    },
    "software": "mriqc",
    "version": "22.0.6",
    "webapi_port": null,
    "webapi_url": "https://mriqc.nimh.nih.gov/api/v1"
  },
  "size_t": 199,
  "size_x": 64,
  "size_y": 64,
  "size_z": 48,
  "snr": 4.42782392745308,
  "spacing_tr": 3.0,
  "spacing_x": 3.4375,
  "spacing_y": 3.4375,
  "spacing_z": 3.4000015258789062,
  "summary_bg_k": 48.78668544455278,
  "summary_bg_mad": 8.165487822751603,
  "summary_bg_mean": 104.193603515625,
  "summary_bg_median": 31.71356773376465,
  "summary_bg_n": 135256.0,
  "summary_bg_p05": 24.0301513671875,
  "summary_bg_p95": 504.02008056640625,
  "summary_bg_stdv": 212.55657958984375,
  "summary_fg_k": 2.0736340115446286,
  "summary_fg_mad": 417.1662038325751,
  "summary_fg_mean": 2315.101806640625,
  "summary_fg_median": 2247.50244140625,
  "summary_fg_n": 25088.0,
  "summary_fg_p05": 1601.7328552246095,
  "summary_fg_p95": 3233.686169433593,
  "summary_fg_stdv": 507.57611083984375,
  "tsnr": 151.68340762611479
}