{
  "bids_meta": {
    "AcquisitionMatrixPE": 256,
    "AcquisitionNumber": 1,
    "AcquisitionTime": "10:43:42.000000",
    "BodyPartExamined": "BRAIN",
    "CoilString": "32Ch Head",
    "ConversionSoftware": "dcm2niix",
    "ConversionSoftwareVersion": "v1.0.20211006",
    "Dcm2bidsVersion": "2.1.6",
    "DeviceSerialNumber": "000301496mr3T5mr",
    "EchoTime": 0.00292,
    "FlipAngle": 8,
    "ImageOrientationPatientDICOM": [
      0,
      1,
      0,
      0,
      0,
      -1
    ],
    "ImageType": [
      "ORIGINAL",
      "PRIMARY",
      "OTHER"
    ],
    "ImagingFrequency": 127.824,
    "InPlanePhaseEncodingDirectionDICOM": "ROW",
    "InstitutionName": "NIH FMRIF",
    "InversionTime": 1.06,
    "MRAcquisitionType": "3D",
    "MagneticFieldStrength": 3,
    "Manufacturer": "GE",
    "ManufacturersModelName": "DISCOVERY MR750",
    "Modality": "MR",
    "ParallelReductionFactorInPlane": 2,
    "ParallelReductionOutOfPlane": 2,
    "PatientPosition": "HFS",
    "PercentPhaseFOV": 100,
    "PercentSampling": 100,
    "PixelBandwidth": 244.141,
    "ProcedureStepDescription": "MRI Brain",
    "ProtocolName": "ADNI3 FMRIF Enhanced Pro",
    "ReconMatrixPE": 256,
    "RepetitionTime": 0.006952,
    "SAR": 0.136821,
    "ScanOptions": "EDR_GEMS\\PROMO_GEMS\\FILTERED_GEMS\\ACC_GEMS\\IR_GEMS",
    "ScanningSequence": "RM",
    "SequenceVariant": "NONE",
    "SeriesDescription": "Anat T1w MP-RAGE 1mm (ABCD)",
    "SeriesNumber": 3,
    "SliceThickness": 1,
    "SoftwareVersions": "27\\LX\\MR Software release:DV26.0_R03_1831.b",
    "SpacingBetweenSlices": 1,
    "StationName": "FMRI3ta",
    "acq_id": "MPRAGE",
    "dataset": "ds004215",
    "modality": "T1w",
    "rec_id": "SCIC",
    "session_id": "01",
    "subject_id": "ON84896"
  },
  "cjv": 0.39327806012223154,
  "cnr": 3.413691429752397,
  "efc": 0.6798755925248628,
  "fber": 4152.886965495301,
  "fwhm_avg": 3.2380166666666668,
  "fwhm_x": 3.1302,
  "fwhm_y": 3.42507,
  "fwhm_z": 3.15878,
  "icvs_csf": 0.21687897453719324,
  "icvs_gm": 0.41729460297667853,
  "icvs_wm": 0.36582642248612823,
  "inu_med": 0.6069651544094086,
  "inu_range": 0.10446045994758602,
  "provenance": {
    "md5sum": "19e2fe1a9abbf7e2c5bb3e9bf212070f",
    "settings": {
      "testing": false
    },
    "software": "mriqc",
    "version": "22.0.6",
    "warnings": {
      "large_rot_frame": true,
      "small_air_mask": false
    },
    "webapi_port": null,
    "webapi_url": "https://mriqc.nimh.nih.gov/api/v1"
  },
  "qi_1": 0.0,
  "qi_2": 0.0034295286111805825,
  "rpve_csf": 27.95697529272193,
  "rpve_gm": 14.944331010557299,
  "rpve_wm": 19.885526499174766,
  "size_x": 208,
  "size_y": 256,
  "size_z": 256,
  "snr_csf": 1.7009653825232947,
  "snr_gm": 8.29357868179816,
  "snr_total": 9.343738401702494,
  "snr_wm": 18.036671140786027,
  "snrd_csf": 14.887363137279362,
  "snrd_gm": 55.600604061473305,
  "snrd_total": 51.485304543356015,
  "snrd_wm": 83.96794643131538,
  "spacing_x": 1.0,
  "spacing_y": 1.0,
  "spacing_z": 1.0,
  "summary_bg_k": 432.6141067960374,
  "summary_bg_mad": 7.8024575991641205,
  "summary_bg_mean": 10.175317219261538,
  "summary_bg_median": 5.262677676975727,
  "summary_bg_n": 1057268.0,
  "summary_bg_p05": 0.0,
  "summary_bg_p95": 43.957047648727894,
  "summary_bg_stdv": 18.598597490220968,
  "summary_csf_k": 21.091970081412093,
  "summary_csf_mad": 78.858942844731,
  "summary_csf_mean": 198.18150159823543,
  "summary_csf_median": 177.30356555059552,
  "summary_csf_n": 38236.0,
  "summary_csf_p05": 81.06957230716944,
  "summary_csf_p95": 398.19913752377033,
  "summary_csf_stdv": 104.23565865293185,
  "summary_gm_k": -0.03590691434766491,
  "summary_gm_mad": 79.42270423195386,
  "summary_gm_mean": 661.9303244118222,
  "summary_gm_median": 662.1847842335701,
  "summary_gm_n": 25906.0,
  "summary_gm_p05": 530.2604061085731,
  "summary_gm_p95": 794.2916829716414,
  "summary_gm_stdv": 79.84152908975135,
  "summary_wm_k": 0.4095379598676474,
  "summary_wm_mad": 53.44457950872533,
  "summary_wm_mean": 1000.5611677167253,
  "summary_wm_median": 1000.0304390341043,
  "summary_wm_n": 214370.0,
  "summary_wm_p05": 910.8828085932881,
  "summary_wm_p95": 1091.7470471039414,
  "summary_wm_stdv": 55.44416143858853,
  "tpm_overlap_csf": 0.15624145460511532,
  "tpm_overlap_gm": 0.45360930364379054,
  "tpm_overlap_wm": 0.5149640610055672,
  "wm2max": 0.5551867052154982
}