{
  "bids_meta": {
    "AcquisitionMatrixPE": 256,
    "AcquisitionNumber": 1,
    "AcquisitionTime": "10:50:27.000000",
    "BodyPartExamined": "BRAIN",
    "CoilString": "32Ch Head",
    "ConversionSoftware": "dcm2niix",
    "ConversionSoftwareVersion": "v1.0.20211006",
    "Dcm2bidsVersion": "2.1.6",
    "DeviceSerialNumber": "000301496mr3T5mr",
    "EchoTime": 0.059345,
    "EchoTrainLength": 140,
    "FlipAngle": 90,
    "ImageOrientationPatientDICOM": [
      0,
      1,
      0,
      0,
      0,
      -1
    ],
    "ImageType": [
      "ORIGINAL",
      "PRIMARY",
      "OTHER"
    ],
    "ImagingFrequency": 127.824,
    "InPlanePhaseEncodingDirectionDICOM": "ROW",
    "InstitutionName": "NIH FMRIF",
    "MRAcquisitionType": "3D",
    "MagneticFieldStrength": 3,
    "Manufacturer": "GE",
    "ManufacturersModelName": "DISCOVERY MR750",
    "Modality": "MR",
    "ParallelReductionFactorInPlane": 2,
    "ParallelReductionOutOfPlane": 1.5,
    "PatientPosition": "HFS",
    "PercentPhaseFOV": 100,
    "PercentSampling": 100,
    "PhaseEncodingAxis": "i",
    "PixelBandwidth": 244.141,
    "ProcedureStepDescription": "MRI Brain",
    "ProtocolName": "ADNI3 FMRIF Enhanced Pro",
    "ReconMatrixPE": 256,
    "RepetitionTime": 3.202,
    "SAR": 0.3669,
    "ScanOptions": "SAT_GEMS\\EDR_GEMS\\PROMO_GEMS\\FILTERED_GEMS\\ACC_GEMS\\FS\\FR_GEMS",
    "ScanningSequence": "RM",
    "SequenceVariant": "NONE",
    "SeriesDescription": "Anat T2w CUBE (ABCD)",
    "SeriesNumber": 4,
    "SliceThickness": 1,
    "SoftwareVersions": "27\\LX\\MR Software release:DV26.0_R03_1831.b",
    "SpacingBetweenSlices": 1,
    "StationName": "FMRI3ta",
    "acq_id": "CUBE",
    "dataset": "ds004215",
    "modality": "T2w",
    "rec_id": "SCIC",
    "session_id": "01",
    "subject_id": "ON84896"
  },
  "cjv": 2.2880319116316254,
  "cnr": 0.6209442092037144,
  "efc": 0.46823193680328723,
  "fber": 2232.945624543462,
  "fwhm_avg": 2.22664,
  "fwhm_x": 1.82075,
  "fwhm_y": 2.52719,
  "fwhm_z": 2.33198,
  "icvs_csf": 0.262349451309486,
  "icvs_gm": 0.510783471308141,
  "icvs_wm": 0.22686707738237308,
  "inu_med": 0.810827761888504,
  "inu_range": 0.1291485220193863,
  "provenance": {
    "md5sum": "9dac6cc7ccad21ff771b78f27bee324e",
    "settings": {
      "testing": false
    },
    "software": "mriqc",
    "version": "22.0.6",
    "warnings": {
      "large_rot_frame": true,
      "small_air_mask": false
    },
    "webapi_port": null,
    "webapi_url": "https://mriqc.nimh.nih.gov/api/v1"
  },
  "qi_1": 0.0,
  "qi_2": 0.002978990984478976,
  "rpve_csf": 21.09351666247064,
  "rpve_gm": 13.331889068358405,
  "rpve_wm": 31.361059503595804,
  "size_x": 204,
  "size_y": 256,
  "size_z": 256,
  "snr_csf": 11.778581166970504,
  "snr_gm": 12.917878332508106,
  "snr_total": 8.742736467680466,
  "snr_wm": 1.5317499035627853,
  "snrd_csf": 65.95642115719892,
  "snrd_gm": 48.15655939069102,
  "snrd_total": 65.0820419827038,
  "snrd_wm": 81.13314540022144,
  "spacing_x": 1.0,
  "spacing_y": 1.0,
  "spacing_z": 1.0,
  "summary_bg_k": 317.35035925284416,
  "summary_bg_mad": 8.086921068331609,
  "summary_bg_mean": 6.755204142365682,
  "summary_bg_median": 5.454545371234417,
  "summary_bg_n": 3408937.0,
  "summary_bg_p05": 0.0,
  "summary_bg_p95": 17.165775138884783,
  "summary_bg_stdv": 11.98370992072873,
  "summary_csf_k": 0.6326222700306015,
  "summary_csf_mad": 65.3098159807663,
  "summary_csf_mean": 816.8816005609617,
  "summary_csf_median": 814.1577415755019,
  "summary_csf_n": 13284.0,
  "summary_csf_p05": 708.8582779431715,
  "summary_csf_p95": 935.0534616541117,
  "summary_csf_stdv": 69.11928399173617,
  "summary_gm_k": 0.11677925524688115,
  "summary_gm_mad": 45.76642339896492,
  "summary_gm_mean": 593.5731599254727,
  "summary_gm_median": 594.4384935945272,
  "summary_gm_n": 185130.0,
  "summary_gm_p05": 516.9251257944852,
  "summary_gm_p95": 667.4866208210588,
  "summary_gm_stdv": 46.016603719984424,
  "summary_wm_k": -1.8047063750999435,
  "summary_wm_mad": 885.5971405221968,
  "summary_wm_mean": 853.9963332087791,
  "summary_wm_median": 1001.4973109066486,
  "summary_wm_n": 74911.0,
  "summary_wm_p05": 41.89839508198202,
  "summary_wm_p95": 1617.967889726162,
  "summary_wm_stdv": 653.821243255055,
  "tpm_overlap_csf": 0.09411578529069531,
  "tpm_overlap_gm": 0.3327725403384918,
  "tpm_overlap_wm": 0.044342507236063804,
  "wm2max": 0.6148660967625909
}