{
  "bids_meta": {
    "AcquisitionMatrixPE": 256,
    "AcquisitionNumber": 1,
    "AcquisitionTime": "10:43:42.000000",
    "BodyPartExamined": "BRAIN",
    "CoilString": "32Ch Head",
    "ConversionSoftware": "dcm2niix",
    "ConversionSoftwareVersion": "v1.0.20211006",
    "Dcm2bidsVersion": "2.1.6",
    "DeviceSerialNumber": "000301496mr3T5mr",
    "EchoTime": 0.00292,
    "FlipAngle": 8,
    "ImageOrientationPatientDICOM": [
      0,
      1,
      0,
      0,
      0,
      -1
    ],
    "ImageType": [
      "ORIGINAL",
      "PRIMARY",
      "OTHER"
    ],
    "ImagingFrequency": 127.824,
    "InPlanePhaseEncodingDirectionDICOM": "ROW",
    "InstitutionName": "NIH FMRIF",
    "InversionTime": 1.06,
    "MRAcquisitionType": "3D",
    "MagneticFieldStrength": 3,
    "Manufacturer": "GE",
    "ManufacturersModelName": "DISCOVERY MR750",
    "Modality": "MR",
    "ParallelReductionFactorInPlane": 2,
    "ParallelReductionOutOfPlane": 2,
    "PatientPosition": "HFS",
    "PercentPhaseFOV": 100,
    "PercentSampling": 100,
    "PixelBandwidth": 244.141,
    "ProcedureStepDescription": "MRI Brain",
    "ProtocolName": "ADNI3 FMRIF Enhanced Pro",
    "ReconMatrixPE": 256,
    "RepetitionTime": 0.006952,
    "SAR": 0.136821,
    "ScanOptions": "EDR_GEMS\\PROMO_GEMS\\ACC_GEMS\\IR_GEMS",
    "ScanningSequence": "RM",
    "SequenceVariant": "NONE",
    "SeriesDescription": "ORIG Anat T1w MP-RAGE 1mm (ABCD)",
    "SeriesNumber": 40003,
    "SliceThickness": 1,
    "SoftwareVersions": "27\\LX\\MR Software release:DV26.0_R03_1831.b",
    "SpacingBetweenSlices": 1,
    "StationName": "FMRI3ta",
    "acq_id": "MPRAGE",
    "dataset": "ds004215",
    "modality": "T1w",
    "session_id": "01",
    "subject_id": "ON84896"
  },
  "cjv": 0.40809909067308375,
  "cnr": 3.30505093876204,
  "efc": 0.4580296260069396,
  "fber": 5170.857655178165,
  "fwhm_avg": 3.5245366666666667,
  "fwhm_x": 3.41168,
  "fwhm_y": 3.67585,
  "fwhm_z": 3.48608,
  "icvs_csf": 0.21133870357387097,
  "icvs_gm": 0.42001803673557,
  "icvs_wm": 0.3686432596905591,
  "inu_med": 0.9126692414283752,
  "inu_range": 0.5082425594329835,
  "provenance": {
    "md5sum": "cdf39ac3a670c56bb2448f9e4e932095",
    "settings": {
      "testing": false
    },
    "software": "mriqc",
    "version": "22.0.6",
    "warnings": {
      "large_rot_frame": true,
      "small_air_mask": false
    },
    "webapi_port": null,
    "webapi_url": "https://mriqc.nimh.nih.gov/api/v1"
  },
  "qi_1": 0.0,
  "qi_2": 0.001114184417532826,
  "rpve_csf": 28.84525823994551,
  "rpve_gm": 14.96899688080406,
  "rpve_wm": 19.803317850614903,
  "size_x": 208,
  "size_y": 256,
  "size_z": 256,
  "snr_csf": 1.2142069135003735,
  "snr_gm": 7.605358573235694,
  "snr_total": 8.320745293187132,
  "snr_wm": 16.14267039282533,
  "snrd_csf": 5.9126072397001375,
  "snrd_gm": 30.966283487251975,
  "snrd_total": 28.240261872545165,
  "snrd_wm": 47.84189489068339,
  "spacing_x": 1.0,
  "spacing_y": 1.0,
  "spacing_z": 1.0,
  "summary_bg_k": 1681.6911831265118,
  "summary_bg_mad": 13.694397220973546,
  "summary_bg_mean": 14.82888568888181,
  "summary_bg_median": 9.236730560660362,
  "summary_bg_n": 4340003.0,
  "summary_bg_p05": 0.0,
  "summary_bg_p95": 43.48021946847439,
  "summary_bg_stdv": 17.617117360605867,
  "summary_csf_k": 4.357483434836456,
  "summary_csf_mad": 74.81817018287985,
  "summary_csf_mean": 146.96284873250005,
  "summary_csf_median": 123.59196062386036,
  "summary_csf_n": 32378.0,
  "summary_csf_p05": 34.69406113028526,
  "summary_csf_p95": 362.8007535338402,
  "summary_csf_stdv": 101.78664826865486,
  "summary_gm_k": 0.01695386678480526,
  "summary_gm_mad": 84.23724339340313,
  "summary_gm_mean": 647.663868419876,
  "summary_gm_median": 647.2920548021793,
  "summary_gm_n": 24120.0,
  "summary_gm_p05": 509.1871628925204,
  "summary_gm_p95": 789.9905305199325,
  "summary_gm_stdv": 85.10823392083341,
  "summary_wm_k": 0.4426299917158767,
  "summary_wm_mad": 59.720932270977315,
  "summary_wm_mean": 1001.7899127985179,
  "summary_wm_median": 1000.0450477749109,
  "summary_wm_n": 215448.0,
  "summary_wm_p05": 903.4423632770777,
  "summary_wm_p95": 1105.4789478331804,
  "summary_wm_stdv": 61.95026613233315,
  "tpm_overlap_csf": 0.15138443464647214,
  "tpm_overlap_gm": 0.4488448839647568,
  "tpm_overlap_wm": 0.5100041637083401,
  "wm2max": 0.41980125441608074
}