{
  "bids_meta": {
    "AcquisitionMatrixPE": 256,
    "AcquisitionNumber": 1,
    "AcquisitionTime": "14:27:53.000000",
    "BodyPartExamined": "BRAIN",
    "CoilString": "32Ch Head",
    "ConversionSoftware": "dcm2niix",
    "ConversionSoftwareVersion": "v1.0.20211006",
    "Dcm2bidsVersion": "2.1.6",
    "DeviceSerialNumber": "000301496MR3T6MR",
    "EchoTime": 0.00292,
    "FlipAngle": 8,
    "ImageOrientationPatientDICOM": [
      0,
      1,
      0,
      0,
      0,
      -1
    ],
    "ImageType": [
      "ORIGINAL",
      "PRIMARY",
      "OTHER"
    ],
    "ImagingFrequency": 127.697,
    "InPlanePhaseEncodingDirectionDICOM": "ROW",
    "InstitutionName": "NIH FMRIF",
    "InversionTime": 1.06,
    "MRAcquisitionType": "3D",
    "MagneticFieldStrength": 3,
    "Manufacturer": "GE",
    "ManufacturersModelName": "DISCOVERY MR750",
    "Modality": "MR",
    "ParallelReductionFactorInPlane": 2,
    "ParallelReductionOutOfPlane": 2,
    "PatientPosition": "HFS",
    "PercentPhaseFOV": 100,
    "PercentSampling": 100,
    "PixelBandwidth": 244.141,
    "ProcedureStepDescription": "MRI Brain",
    "ProtocolName": "ADNI3 FMRIF Enhanced Pro",
    "ReconMatrixPE": 256,
    "RepetitionTime": 0.006952,
    "SAR": 0.0941836,
    "ScanOptions": "EDR_GEMS\\PROMO_GEMS\\FILTERED_GEMS\\ACC_GEMS\\IR_GEMS",
    "ScanningSequence": "RM",
    "SequenceVariant": "NONE",
    "SeriesDescription": "Anat T1w MP-RAGE 1mm (ABCD)",
    "SeriesNumber": 3,
    "SliceThickness": 1,
    "SoftwareVersions": "27\\LX\\MR Software release:DV26.0_R03_1831.b",
    "SpacingBetweenSlices": 1,
    "StationName": "FMRI3tb",
    "acq_id": "MPRAGE",
    "dataset": "ds004215",
    "modality": "T1w",
    "rec_id": "SCIC",
    "session_id": "01",
    "subject_id": "ON21959"
  },
  "cjv": 0.3549718819032709,
  "cnr": 3.734589840868928,
  "efc": 0.6773769578083927,
  "fber": 18254.20087655223,
  "fwhm_avg": 3.488042970458211,
  "fwhm_x": 3.422548911374632,
  "fwhm_y": 3.67063,
  "fwhm_z": 3.37095,
  "icvs_csf": 0.2555254609419204,
  "icvs_gm": 0.40643250954218957,
  "icvs_wm": 0.33804202951589,
  "inu_med": 0.41693514585494995,
  "inu_range": 0.07514249682426455,
  "provenance": {
    "md5sum": "81d6be2ddbc50fb5be537f184910ac22",
    "settings": {
      "testing": false
    },
    "software": "mriqc",
    "version": "22.0.6",
    "warnings": {
      "large_rot_frame": true,
      "small_air_mask": false
    },
    "webapi_port": null,
    "webapi_url": "https://mriqc.nimh.nih.gov/api/v1"
  },
  "qi_1": 0.0,
  "qi_2": 0.0020209623968273777,
  "rpve_csf": 26.32856590495324,
  "rpve_gm": 16.06548369341184,
  "rpve_wm": 22.898974808272435,
  "size_x": 208,
  "size_y": 256,
  "size_z": 256,
  "snr_csf": 1.707207600452895,
  "snr_gm": 8.453704163493644,
  "snr_total": 10.583804217221955,
  "snr_wm": 21.590500887719323,
  "snrd_csf": 16.663449257168697,
  "snrd_gm": 58.62040963812865,
  "snrd_total": 54.7050667797881,
  "snrd_wm": 88.83134144406695,
  "spacing_x": 0.9998016357421875,
  "spacing_y": 1.0,
  "spacing_z": 1.0,
  "summary_bg_k": 10.477699857205893,
  "summary_bg_mad": 0.0,
  "summary_bg_mean": 3.5468360155724143,
  "summary_bg_median": 0.0,
  "summary_bg_n": 560885.0,
  "summary_bg_p05": 0.0,
  "summary_bg_p95": 20.202280711382627,
  "summary_bg_stdv": 7.375059380827028,
  "summary_csf_k": 0.41420728512245963,
  "summary_csf_mad": 102.98127744972513,
  "summary_csf_mean": 212.02567402595608,
  "summary_csf_median": 187.58525363728404,
  "summary_csf_n": 56332.0,
  "summary_csf_p05": 72.95982906594872,
  "summary_csf_p95": 425.457458242774,
  "summary_csf_stdv": 109.87743293952714,
  "summary_gm_k": 0.08538003074673073,
  "summary_gm_mad": 76.23438026845157,
  "summary_gm_mean": 659.027713138447,
  "summary_gm_median": 659.9068560525775,
  "summary_gm_n": 29511.0,
  "summary_gm_p05": 529.2096807751805,
  "summary_gm_p95": 787.3999753445387,
  "summary_gm_stdv": 78.05994419755645,
  "summary_wm_k": 0.3538871961518928,
  "summary_wm_mad": 44.489132829336604,
  "summary_wm_mean": 999.752922397956,
  "summary_wm_median": 1000.0000275187194,
  "summary_wm_n": 182487.0,
  "summary_wm_p05": 923.0512130893767,
  "summary_wm_p95": 1075.0701585188508,
  "summary_wm_stdv": 46.31653951865883,
  "tpm_overlap_csf": 0.14452115377789154,
  "tpm_overlap_gm": 0.4737334576330525,
  "tpm_overlap_wm": 0.5203695960066298,
  "wm2max": 0.6884503005350333
}