{
  "bids_meta": {
    "AcquisitionMatrixPE": 256,
    "AcquisitionNumber": 1,
    "AcquisitionTime": "14:34:28.000000",
    "BodyPartExamined": "BRAIN",
    "CoilString": "32Ch Head",
    "ConversionSoftware": "dcm2niix",
    "ConversionSoftwareVersion": "v1.0.20211006",
    "Dcm2bidsVersion": "2.1.6",
    "DeviceSerialNumber": "000301496MR3T6MR",
    "EchoTime": 0.065618,
    "EchoTrainLength": 140,
    "FlipAngle": 90,
    "ImageOrientationPatientDICOM": [
      0,
      1,
      0,
      0,
      0,
      -1
    ],
    "ImageType": [
      "ORIGINAL",
      "PRIMARY",
      "OTHER"
    ],
    "ImagingFrequency": 127.697,
    "InPlanePhaseEncodingDirectionDICOM": "ROW",
    "InstitutionName": "NIH FMRIF",
    "MRAcquisitionType": "3D",
    "MagneticFieldStrength": 3,
    "Manufacturer": "GE",
    "ManufacturersModelName": "DISCOVERY MR750",
    "Modality": "MR",
    "ParallelReductionFactorInPlane": 2,
    "ParallelReductionOutOfPlane": 1.5,
    "PatientPosition": "HFS",
    "PercentPhaseFOV": 100,
    "PercentSampling": 100,
    "PhaseEncodingAxis": "i",
    "PixelBandwidth": 244.141,
    "ProcedureStepDescription": "MRI Brain",
    "ProtocolName": "ADNI3 FMRIF Enhanced Pro",
    "ReconMatrixPE": 256,
    "RepetitionTime": 3.233,
    "SAR": 0.4461,
    "ScanOptions": "SAT_GEMS\\EDR_GEMS\\PROMO_GEMS\\FILTERED_GEMS\\ACC_GEMS\\FS\\FR_GEMS",
    "ScanningSequence": "RM",
    "SequenceVariant": "NONE",
    "SeriesDescription": "Anat T2w CUBE (ABCD)",
    "SeriesNumber": 4,
    "SliceThickness": 1,
    "SoftwareVersions": "27\\LX\\MR Software release:DV26.0_R03_1831.b",
    "SpacingBetweenSlices": 1,
    "StationName": "FMRI3tb",
    "acq_id": "CUBE",
    "dataset": "ds004215",
    "modality": "T2w",
    "rec_id": "SCIC",
    "session_id": "01",
    "subject_id": "ON21959"
  },
  "cjv": 2.0120568770200724,
  "cnr": 0.36424162778205155,
  "efc": 0.422636050984316,
  "fber": 8499.677156886617,
  "fwhm_avg": 2.3165066666666667,
  "fwhm_x": 1.94765,
  "fwhm_y": 2.59308,
  "fwhm_z": 2.40879,
  "icvs_csf": 0.20372271341305817,
  "icvs_gm": 0.5743097496898042,
  "icvs_wm": 0.22196753689713764,
  "inu_med": 0.802588164806366,
  "inu_range": 0.18719616532325745,
  "provenance": {
    "md5sum": "0418ae3f6f96ee22d6fb292dab83c59e",
    "settings": {
      "testing": false
    },
    "software": "mriqc",
    "version": "22.0.6",
    "warnings": {
      "large_rot_frame": true,
      "small_air_mask": false
    },
    "webapi_port": null,
    "webapi_url": "https://mriqc.nimh.nih.gov/api/v1"
  },
  "qi_1": 0.0,
  "qi_2": 0.01245554729921585,
  "rpve_csf": 27.37991722486557,
  "rpve_gm": 13.334748371984448,
  "rpve_wm": 34.43284887997584,
  "size_x": 204,
  "size_y": 256,
  "size_z": 256,
  "snr_csf": 9.938005472844655,
  "snr_gm": 11.86531796672761,
  "snr_total": 7.431322378663893,
  "snr_wm": 0.4906436964194172,
  "snrd_csf": 62.514139807565954,
  "snrd_gm": 44.02052687935088,
  "snrd_total": 43.92369454027247,
  "snrd_wm": 25.23641693390057,
  "spacing_x": 1.0,
  "spacing_y": 1.0,
  "spacing_z": 1.0,
  "summary_bg_k": 197.5640587546676,
  "summary_bg_mad": 26.04864820789212,
  "summary_bg_mean": 18.038735041821678,
  "summary_bg_median": 17.569546222686768,
  "summary_bg_n": 3008421.0,
  "summary_bg_p05": 0.0,
  "summary_bg_p95": 52.46461719274521,
  "summary_bg_stdv": 17.96690458907423,
  "summary_csf_k": 1.1833429404176536,
  "summary_csf_mad": 225.63435554151,
  "summary_csf_mean": 2500.1529808315913,
  "summary_csf_median": 2485.6027475595474,
  "summary_csf_n": 5434.0,
  "summary_csf_p05": 2113.5920084416866,
  "summary_csf_p95": 2931.214430657029,
  "summary_csf_stdv": 250.08781042040232,
  "summary_gm_k": -0.1322948292955628,
  "summary_gm_mad": 152.1916390664808,
  "summary_gm_mean": 1745.994993058459,
  "summary_gm_median": 1750.2847019433975,
  "summary_gm_n": 245956.0,
  "summary_gm_p05": 1501.0574351549149,
  "summary_gm_p95": 1982.0237630009651,
  "summary_gm_stdv": 147.51236744958928,
  "summary_wm_k": -1.6814877627659384,
  "summary_wm_mad": 1350.5500522230734,
  "summary_wm_mean": 2165.389179341526,
  "summary_wm_median": 1003.4163064956665,
  "summary_wm_n": 55133.0,
  "summary_wm_p05": 90.41809065341953,
  "summary_wm_p95": 5058.353698003291,
  "summary_wm_stdv": 2045.083252502641,
  "tpm_overlap_csf": 0.10543694958502545,
  "tpm_overlap_gm": 0.35896028940139063,
  "tpm_overlap_wm": 0.037588435828378675,
  "wm2max": 0.19683117131779235
}