{
  "aor": 0.0018171356783919597,
  "aqi": 0.002483059296482412,
  "bids_meta": {
    "AcquisitionMatrixPE": 64,
    "AcquisitionNumber": 1,
    "AcquisitionTime": "14:58:54.000000",
    "BodyPartExamined": "BRAIN",
    "CoilString": "32Ch Head",
    "ConversionSoftware": "dcm2niix",
    "ConversionSoftwareVersion": "v1.0.20211006",
    "Dcm2bidsVersion": "2.1.6",
    "DeviceSerialNumber": "000301496MR3T6MR",
    "EchoTime": 0.0169,
    "EffectiveEchoSpacing": 0.000416,
    "FlipAngle": 90,
    "ImageOrientationPatientDICOM": [
      1,
      0,
      0,
      0,
      1,
      0
    ],
    "ImageType": [
      "ORIGINAL",
      "PRIMARY",
      "OTHER"
    ],
    "ImagingFrequency": 127.697,
    "InPlanePhaseEncodingDirectionDICOM": "COL",
    "InstitutionName": "NIH FMRIF",
    "InternalPulseSequenceName": "EPI",
    "MRAcquisitionType": "2D",
    "MagneticFieldStrength": 3,
    "Manufacturer": "GE",
    "ManufacturersModelName": "DISCOVERY MR750",
    "Modality": "MR",
    "PatientPosition": "HFS",
    "PercentPhaseFOV": 100,
    "PercentSampling": 100,
    "PhaseEncodingDirection": "j",
    "PhaseEncodingPolarityGE": "Flipped",
    "PixelBandwidth": 7812.5,
    "ProcedureStepDescription": "MRI Brain",
    "ProtocolName": "ADNI3 FMRIF Enhanced Pro",
    "PulseSequenceName": "epi",
    "ReconMatrixPE": 64,
    "RepetitionTime": 3,
    "SAR": 0.189433,
    "ScanOptions": "MP_GEMS\\EPI_GEMS\\PFF",
    "ScanningSequence": "EP\\GR",
    "SequenceVariant": "SS",
    "SeriesDescription": "Axial rsfMRI with Eyes Open - RKV",
    "SeriesNumber": 11,
    "SliceThickness": 3.4,
    "SliceTiming": [
      0,
      1.5,
      0.0625,
      1.5625,
      0.125,
      1.625,
      0.1875,
      1.6875,
      0.25,
      1.75,
      0.3125,
      1.8125,
      0.375,
      1.875,
      0.4375,
      1.9375,
      0.5,
      2,
      0.5625,
      2.0625,
      0.625,
      2.125,
      0.6875,
      2.1875,
      0.75,
      2.25,
      0.8125,
      2.3125,
      0.875,
      2.375,
      0.9375,
      2.4375,
      1,
      2.5,
      1.0625,
      2.5625,
      1.125,
      2.625,
      1.1875,
      2.6875,
      1.25,
      2.75,
      1.3125,
      2.8125,
      1.375,
      2.875,
      1.4375,
      2.9375
    ],
    "SoftwareVersions": "27\\LX\\MR Software release:DV26.0_R01_1725.a",
    "SpacingBetweenSlices": 3.4,
    "StationName": "fmrif3tb",
    "TaskName": "Resting state with eyes open.",
    "TotalReadoutTime": 0.026208,
    "TriggerDelayTime": 599938,
    "dataset": "ds004215",
    "modality": "bold",
    "session_id": "01",
    "subject_id": "ON94663",
    "task_id": "rest"
  },
  "dummy_trs": 1,
  "dvars_nstd": 22.53313774535354,
  "dvars_std": 1.9616785039898978,
  "dvars_vstd": 0.9828783542929296,
  "efc": 0.4904871440515327,
  "fber": 3819.51318359375,
  "fd_mean": 0.06877553343532919,
  "fd_num": 5,
  "fd_perc": 2.512562814070352,
  "fwhm_avg": 2.879018793208482,
  "fwhm_x": 2.7498705454545456,
  "fwhm_y": 2.729422545454545,
  "fwhm_z": 3.157763288716355,
  "gcor": 0.0732689,
  "gsr_x": -0.006151451263576746,
  "gsr_y": 0.035963110625743866,
  "provenance": {
    "md5sum": "d7a33a04b0c259db5b075d3e22cbcab0",
    "settings": {
      "fd_thres": 0.2,
      "testing": false
    },
    "software": "mriqc",
    "version": "22.0.6",
    "webapi_port": null,
    "webapi_url": "https://mriqc.nimh.nih.gov/api/v1"
  },
  "size_t": 199,
  "size_x": 64,
  "size_y": 64,
  "size_z": 48,
  "snr": 3.5876454805893756,
  "spacing_tr": 3.0,
  "spacing_x": 3.4375,
  "spacing_y": 3.4375,
  "spacing_z": 3.4000015258789062,
  "summary_bg_k": 15.576394314824206,
  "summary_bg_mad": 20.965040765306984,
  "summary_bg_mean": 180.5316619873047,
  "summary_bg_median": 42.6331672668457,
  "summary_bg_n": 129391.0,
  "summary_bg_p05": 24.97989845275879,
  "summary_bg_p95": 892.2110290527344,
  "summary_bg_stdv": 333.60601806640625,
  "summary_fg_k": 1.8005267766648938,
  "summary_fg_mad": 625.4681054074315,
  "summary_fg_mean": 2699.45068359375,
  "summary_fg_median": 2586.40185546875,
  "summary_fg_n": 29210.0,
  "summary_fg_p05": 1709.6326782226563,
  "summary_fg_p95": 4016.1976928710933,
  "summary_fg_stdv": 720.9066772460938,
  "tsnr": 119.6920022489503
}