{
  "aor": 0.032605555555555554,
  "aqi": 0.0011589064444444445,
  "bids_meta": {
    "AcquisitionMatrixPE": 64,
    "AcquisitionNumber": 1,
    "AcquisitionTime": "15:09:34.000000",
    "BodyPartExamined": "BRAIN",
    "CoilString": "32Ch Head",
    "ConversionSoftware": "dcm2niix",
    "ConversionSoftwareVersion": "v1.0.20211006",
    "Dcm2bidsVersion": "2.1.6",
    "DeviceSerialNumber": "000301496MR3T6MR",
    "EchoTime": 0.0169,
    "EffectiveEchoSpacing": 0.000416,
    "FlipAngle": 90,
    "ImageOrientationPatientDICOM": [
      1,
      0,
      0,
      0,
      1,
      0
    ],
    "ImageType": [
      "ORIGINAL",
      "PRIMARY",
      "OTHER"
    ],
    "ImagingFrequency": 127.697,
    "InPlanePhaseEncodingDirectionDICOM": "COL",
    "InstitutionName": "NIH FMRIF",
    "InternalPulseSequenceName": "EPI",
    "MRAcquisitionType": "2D",
    "MagneticFieldStrength": 3,
    "Manufacturer": "GE",
    "ManufacturersModelName": "DISCOVERY MR750",
    "Modality": "MR",
    "PatientPosition": "HFS",
    "PercentPhaseFOV": 100,
    "PercentSampling": 100,
    "PhaseEncodingDirection": "j",
    "PhaseEncodingPolarityGE": "Flipped",
    "PixelBandwidth": 7812.5,
    "ProcedureStepDescription": "MRI Brain",
    "ProtocolName": "ADNI3 FMRIF Enhanced Pro",
    "PulseSequenceName": "epi",
    "ReconMatrixPE": 64,
    "RepetitionTime": 3,
    "SAR": 0.189187,
    "ScanOptions": "MP_GEMS\\EPI_GEMS\\PFF",
    "ScanningSequence": "EP\\GR",
    "SequenceVariant": "SS",
    "SeriesDescription": "Axial rsfMRI reverse blip - RKV",
    "SeriesNumber": 12,
    "SliceThickness": 3.4,
    "SliceTiming": [
      0,
      1.5,
      0.0625,
      1.5625,
      0.125,
      1.625,
      0.1875,
      1.6875,
      0.25,
      1.75,
      0.3125,
      1.8125,
      0.375,
      1.875,
      0.4375,
      1.9375,
      0.5,
      2,
      0.5625,
      2.0625,
      0.625,
      2.125,
      0.6875,
      2.1875,
      0.75,
      2.25,
      0.8125,
      2.3125,
      0.875,
      2.375,
      0.9375,
      2.4375,
      1,
      2.5,
      1.0625,
      2.5625,
      1.125,
      2.625,
      1.1875,
      2.6875,
      1.25,
      2.75,
      1.3125,
      2.8125,
      1.375,
      2.875,
      1.4375,
      2.9375
    ],
    "SoftwareVersions": "27\\LX\\MR Software release:DV26.0_R01_1725.a",
    "SpacingBetweenSlices": 3.4,
    "StationName": "fmrif3tb",
    "TaskName": "Resting state with reverse blip.",
    "TotalReadoutTime": 0.026208,
    "TriggerDelayTime": 29938,
    "dataset": "ds004215",
    "modality": "bold",
    "session_id": "01",
    "subject_id": "ON94663",
    "task_id": "rest"
  },
  "dummy_trs": 1,
  "dvars_nstd": 19.4418272975,
  "dvars_std": 1.7395088975,
  "dvars_vstd": 1.346253275,
  "efc": 0.4899575435819068,
  "fber": 4052.5458984375,
  "fd_mean": 0.09960405439103663,
  "fd_num": 1,
  "fd_perc": 11.11111111111111,
  "fwhm_avg": 2.8875649154249357,
  "fwhm_x": 2.727485090909091,
  "fwhm_y": 2.7603287272727273,
  "fwhm_z": 3.174880928092989,
  "gcor": 0.0516977,
  "gsr_x": -0.003523987252265215,
  "gsr_y": 0.038680531084537506,
  "provenance": {
    "md5sum": "ac1870093013aa4838c769b1a98d31d7",
    "settings": {
      "fd_thres": 0.2,
      "testing": false
    },
    "software": "mriqc",
    "version": "22.0.6",
    "webapi_port": null,
    "webapi_url": "https://mriqc.nimh.nih.gov/api/v1"
  },
  "size_t": 9,
  "size_x": 64,
  "size_y": 64,
  "size_z": 48,
  "snr": 3.542365555043978,
  "spacing_tr": 3.0,
  "spacing_x": 3.4375,
  "spacing_y": 3.4375,
  "spacing_z": 3.4000015258789062,
  "summary_bg_k": 17.11194306661569,
  "summary_bg_mad": 18.614894207032634,
  "summary_bg_mean": 174.05718994140625,
  "summary_bg_median": 41.0,
  "summary_bg_n": 128541.0,
  "summary_bg_p05": 25.77777862548828,
  "summary_bg_p95": 858.4444580078125,
  "summary_bg_stdv": 324.517822265625,
  "summary_fg_k": 1.87007664862925,
  "summary_fg_mad": 630.1882895457182,
  "summary_fg_mean": 2694.56396484375,
  "summary_fg_median": 2581.9443359375,
  "summary_fg_n": 29382.0,
  "summary_fg_p05": 1698.0,
  "summary_fg_p95": 4023.0833129882794,
  "summary_fg_stdv": 728.8633422851562,
  "tsnr": 171.02820873260498
}