{
  "aor": 0.045031111111111105,
  "aqi": 0.0012634205555555557,
  "bids_meta": {
    "AcquisitionMatrixPE": 64,
    "AcquisitionNumber": 1,
    "AcquisitionTime": "16:03:53.000000",
    "BodyPartExamined": "BRAIN",
    "CoilString": "32Ch Head",
    "ConversionSoftware": "dcm2niix",
    "ConversionSoftwareVersion": "v1.0.20211006",
    "Dcm2bidsVersion": "2.1.6",
    "DeviceSerialNumber": "000301496MR3T6MR",
    "EchoTime": 0.0169,
    "EffectiveEchoSpacing": 0.000416,
    "FlipAngle": 90,
    "ImageOrientationPatientDICOM": [
      1,
      0,
      0,
      0,
      1,
      0
    ],
    "ImageType": [
      "ORIGINAL",
      "PRIMARY",
      "OTHER"
    ],
    "ImagingFrequency": 127.696,
    "InPlanePhaseEncodingDirectionDICOM": "COL",
    "InstitutionName": "NIH FMRIF",
    "InternalPulseSequenceName": "EPI",
    "MRAcquisitionType": "2D",
    "MagneticFieldStrength": 3,
    "Manufacturer": "GE",
    "ManufacturersModelName": "DISCOVERY MR750",
    "Modality": "MR",
    "PatientPosition": "HFS",
    "PercentPhaseFOV": 100,
    "PercentSampling": 100,
    "PhaseEncodingDirection": "j-",
    "PhaseEncodingPolarityGE": "Unflipped",
    "PixelBandwidth": 7812.5,
    "ProcedureStepDescription": "MRI Brain",
    "ProtocolName": "ADNI3 FMRIF Enhanced Pro",
    "PulseSequenceName": "epi",
    "ReconMatrixPE": 64,
    "RepetitionTime": 3,
    "SAR": 0.148916,
    "ScanOptions": "MP_GEMS\\EPI_GEMS\\PFF",
    "ScanningSequence": "EP\\GR",
    "SequenceVariant": "SS",
    "SeriesDescription": "Axial rsfMRI reverse blip - RKV",
    "SeriesNumber": 11,
    "SliceThickness": 3.4,
    "SliceTiming": [
      0,
      1.5,
      0.0625,
      1.5625,
      0.125,
      1.625,
      0.1875,
      1.6875,
      0.25,
      1.75,
      0.3125,
      1.8125,
      0.375,
      1.875,
      0.4375,
      1.9375,
      0.5,
      2,
      0.5625,
      2.0625,
      0.625,
      2.125,
      0.6875,
      2.1875,
      0.75,
      2.25,
      0.8125,
      2.3125,
      0.875,
      2.375,
      0.9375,
      2.4375,
      1,
      2.5,
      1.0625,
      2.5625,
      1.125,
      2.625,
      1.1875,
      2.6875,
      1.25,
      2.75,
      1.3125,
      2.8125,
      1.375,
      2.875,
      1.4375,
      2.9375
    ],
    "SoftwareVersions": "27\\LX\\MR Software release:DV26.0_R03_1831.b",
    "SpacingBetweenSlices": 3.4,
    "StationName": "FMRI3tb",
    "TaskName": "Resting state with reverse blip.",
    "TotalReadoutTime": 0.026208,
    "TriggerDelayTime": 29938,
    "dataset": "ds004215",
    "modality": "bold",
    "session_id": "01",
    "subject_id": "ON54886",
    "task_id": "rest"
  },
  "dummy_trs": 1,
  "dvars_nstd": 15.539404750000001,
  "dvars_std": 1.3169880875,
  "dvars_vstd": 1.3819034775,
  "efc": 0.4250304413128193,
  "fber": 4600.7587890625,
  "fd_mean": 0.18996552845011536,
  "fd_num": 4,
  "fd_perc": 44.44444444444444,
  "fwhm_avg": 3.0536254635076094,
  "fwhm_x": 2.8698036363636366,
  "fwhm_y": 3.0146036363636366,
  "fwhm_z": 3.2764691177955547,
  "gcor": 0.0342277,
  "gsr_x": -0.004801333881914616,
  "gsr_y": 0.03504734858870506,
  "provenance": {
    "md5sum": "eb64ca4205a9fa0f6c444e8b23796c47",
    "settings": {
      "fd_thres": 0.2,
      "testing": false
    },
    "software": "mriqc",
    "version": "22.0.6",
    "webapi_port": null,
    "webapi_url": "https://mriqc.nimh.nih.gov/api/v1"
  },
  "size_t": 9,
  "size_x": 64,
  "size_y": 64,
  "size_z": 48,
  "snr": 3.6419605604484633,
  "spacing_tr": 3.0,
  "spacing_x": 3.4375,
  "spacing_y": 3.4375,
  "spacing_z": 3.4000015258789062,
  "summary_bg_k": 24.89763812878588,
  "summary_bg_mad": 5.436207191907435,
  "summary_bg_mean": 82.12183380126953,
  "summary_bg_median": 29.55555534362793,
  "summary_bg_n": 138147.0,
  "summary_bg_p05": 23.0,
  "summary_bg_p95": 400.0,
  "summary_bg_stdv": 155.68359375,
  "summary_fg_k": 1.2085960680212695,
  "summary_fg_mad": 414.5521944157067,
  "summary_fg_mean": 2146.03662109375,
  "summary_fg_median": 2043.0555419921875,
  "summary_fg_n": 23138.0,
  "summary_fg_p05": 1344.0,
  "summary_fg_p95": 3289.938903808593,
  "summary_fg_stdv": 560.9647216796875,
  "tsnr": 124.50366692850366
}