{
  "aor": 0.0037259296482412057,
  "aqi": 0.008073851256281406,
  "bids_meta": {
    "AcquisitionMatrixPE": 64,
    "AcquisitionNumber": 1,
    "AcquisitionTime": "15:53:7.000000",
    "BodyPartExamined": "BRAIN",
    "CoilString": "32Ch Head",
    "ConversionSoftware": "dcm2niix",
    "ConversionSoftwareVersion": "v1.0.20211006",
    "Dcm2bidsVersion": "2.1.6",
    "DeviceSerialNumber": "000301496MR3T6MR",
    "EchoTime": 0.0169,
    "EffectiveEchoSpacing": 0.000416,
    "FlipAngle": 90,
    "ImageOrientationPatientDICOM": [
      1,
      0,
      0,
      0,
      1,
      0
    ],
    "ImageType": [
      "ORIGINAL",
      "PRIMARY",
      "OTHER"
    ],
    "ImagingFrequency": 127.696,
    "InPlanePhaseEncodingDirectionDICOM": "COL",
    "InstitutionName": "NIH FMRIF",
    "InternalPulseSequenceName": "EPI",
    "MRAcquisitionType": "2D",
    "MagneticFieldStrength": 3,
    "Manufacturer": "GE",
    "ManufacturersModelName": "DISCOVERY MR750",
    "Modality": "MR",
    "PatientPosition": "HFS",
    "PercentPhaseFOV": 100,
    "PercentSampling": 100,
    "PhaseEncodingDirection": "j",
    "PhaseEncodingPolarityGE": "Flipped",
    "PixelBandwidth": 7812.5,
    "ProcedureStepDescription": "MRI Brain",
    "ProtocolName": "ADNI3 FMRIF Enhanced Pro",
    "PulseSequenceName": "epi",
    "ReconMatrixPE": 64,
    "RepetitionTime": 3,
    "SAR": 0.149673,
    "ScanOptions": "MP_GEMS\\EPI_GEMS\\PFF",
    "ScanningSequence": "EP\\GR",
    "SequenceVariant": "SS",
    "SeriesDescription": "Axial rsfMRI with Eyes Open - RKV",
    "SeriesNumber": 10,
    "SliceThickness": 3.4,
    "SliceTiming": [
      0,
      1.5,
      0.0625,
      1.5625,
      0.125,
      1.625,
      0.1875,
      1.6875,
      0.25,
      1.75,
      0.3125,
      1.8125,
      0.375,
      1.875,
      0.4375,
      1.9375,
      0.5,
      2,
      0.5625,
      2.0625,
      0.625,
      2.125,
      0.6875,
      2.1875,
      0.75,
      2.25,
      0.8125,
      2.3125,
      0.875,
      2.375,
      0.9375,
      2.4375,
      1,
      2.5,
      1.0625,
      2.5625,
      1.125,
      2.625,
      1.1875,
      2.6875,
      1.25,
      2.75,
      1.3125,
      2.8125,
      1.375,
      2.875,
      1.4375,
      2.9375
    ],
    "SoftwareVersions": "27\\LX\\MR Software release:DV26.0_R03_1831.b",
    "SpacingBetweenSlices": 3.4,
    "StationName": "FMRI3tb",
    "TaskName": "Resting state with eyes open.",
    "TotalReadoutTime": 0.026208,
    "TriggerDelayTime": 599938,
    "dataset": "ds004215",
    "modality": "bold",
    "session_id": "01",
    "subject_id": "ON54886",
    "task_id": "rest"
  },
  "dummy_trs": 1,
  "dvars_nstd": 30.819341100707078,
  "dvars_std": 1.2926169401515146,
  "dvars_vstd": 0.9349668608585855,
  "efc": 0.41485157810719875,
  "fber": 4522.25634765625,
  "fd_mean": 0.42203717957262255,
  "fd_num": 150,
  "fd_perc": 75.37688442211055,
  "fwhm_avg": 3.116731323991069,
  "fwhm_x": 3.064290909090909,
  "fwhm_y": 2.815581090909091,
  "fwhm_z": 3.470321971973207,
  "gcor": 0.0551012,
  "gsr_x": -0.0049123745411634445,
  "gsr_y": 0.030013738200068474,
  "provenance": {
    "md5sum": "6bc94263955acc7c902e8164abf0e8db",
    "settings": {
      "fd_thres": 0.2,
      "testing": false
    },
    "software": "mriqc",
    "version": "22.0.6",
    "webapi_port": null,
    "webapi_url": "https://mriqc.nimh.nih.gov/api/v1"
  },
  "size_t": 199,
  "size_x": 64,
  "size_y": 64,
  "size_z": 48,
  "snr": 3.269537122158729,
  "spacing_tr": 3.0,
  "spacing_x": 3.4375,
  "spacing_y": 3.4375,
  "spacing_z": 3.4000015258789062,
  "summary_bg_k": 27.7176114827468,
  "summary_bg_mad": 9.134019960118755,
  "summary_bg_mean": 81.67589569091797,
  "summary_bg_median": 30.381908416748047,
  "summary_bg_n": 139758.0,
  "summary_bg_p05": 18.597990036010742,
  "summary_bg_p95": 357.4173263549803,
  "summary_bg_stdv": 146.52273559570312,
  "summary_fg_k": 2.761738818431291,
  "summary_fg_mad": 493.0508420048403,
  "summary_fg_mean": 2172.13623046875,
  "summary_fg_median": 2058.17578125,
  "summary_fg_n": 22340.0,
  "summary_fg_p05": 1313.0072692871095,
  "summary_fg_p95": 3363.5466308593745,
  "summary_fg_stdv": 629.486572265625,
  "tsnr": 49.62865922029596
}