{
  "aor": 0.050647777777777785,
  "aqi": 0.0015250645555555554,
  "bids_meta": {
    "AcquisitionMatrixPE": 64,
    "AcquisitionNumber": 1,
    "AcquisitionTime": "16:05:58.000000",
    "BodyPartExamined": "BRAIN",
    "CoilString": "32Ch Head",
    "ConversionSoftware": "dcm2niix",
    "ConversionSoftwareVersion": "v1.0.20211006",
    "Dcm2bidsVersion": "2.1.6",
    "DeviceSerialNumber": "000301496MR3T6MR",
    "EchoTime": 0.0169,
    "EffectiveEchoSpacing": 0.000416,
    "FlipAngle": 90,
    "ImageOrientationPatientDICOM": [
      1,
      0,
      0,
      0,
      1,
      0
    ],
    "ImageType": [
      "ORIGINAL",
      "PRIMARY",
      "OTHER"
    ],
    "ImagingFrequency": 127.697,
    "InPlanePhaseEncodingDirectionDICOM": "COL",
    "InstitutionName": "NIH FMRIF",
    "InternalPulseSequenceName": "EPI",
    "MRAcquisitionType": "2D",
    "MagneticFieldStrength": 3,
    "Manufacturer": "GE",
    "ManufacturersModelName": "DISCOVERY MR750",
    "Modality": "MR",
    "PatientPosition": "HFS",
    "PercentPhaseFOV": 100,
    "PercentSampling": 100,
    "PhaseEncodingDirection": "j-",
    "PhaseEncodingPolarityGE": "Unflipped",
    "PixelBandwidth": 7812.5,
    "ProcedureStepDescription": "MRI Brain",
    "ProtocolName": "ADNI3 FMRIF Enhanced Pro",
    "PulseSequenceName": "epi",
    "ReconMatrixPE": 64,
    "RepetitionTime": 3,
    "SAR": 0.184775,
    "ScanOptions": "MP_GEMS\\EPI_GEMS\\PFF",
    "ScanningSequence": "EP\\GR",
    "SequenceVariant": "SS",
    "SeriesDescription": "Axial rsfMRI reverse blip - RKV",
    "SeriesNumber": 11,
    "SliceThickness": 3.4,
    "SliceTiming": [
      0,
      1.5,
      0.0625,
      1.5625,
      0.125,
      1.625,
      0.1875,
      1.6875,
      0.25,
      1.75,
      0.3125,
      1.8125,
      0.375,
      1.875,
      0.4375,
      1.9375,
      0.5,
      2,
      0.5625,
      2.0625,
      0.625,
      2.125,
      0.6875,
      2.1875,
      0.75,
      2.25,
      0.8125,
      2.3125,
      0.875,
      2.375,
      0.9375,
      2.4375,
      1,
      2.5,
      1.0625,
      2.5625,
      1.125,
      2.625,
      1.1875,
      2.6875,
      1.25,
      2.75,
      1.3125,
      2.8125,
      1.375,
      2.875,
      1.4375,
      2.9375
    ],
    "SoftwareVersions": "27\\LX\\MR Software release:DV26.0_R01_1725.a",
    "SpacingBetweenSlices": 3.4,
    "StationName": "fmrif3tb",
    "TaskName": "Resting state with reverse blip.",
    "TotalReadoutTime": 0.026208,
    "TriggerDelayTime": 29938,
    "dataset": "ds004215",
    "modality": "bold",
    "session_id": "01",
    "subject_id": "ON02693",
    "task_id": "rest"
  },
  "dummy_trs": 1,
  "dvars_nstd": 14.5425899025,
  "dvars_std": 1.6230757224999999,
  "dvars_vstd": 1.5746324500000002,
  "efc": 0.4963125685280735,
  "fber": 4154.52294921875,
  "fd_mean": 0.0876353828971836,
  "fd_num": 1,
  "fd_perc": 11.11111111111111,
  "fwhm_avg": 2.8011906984301285,
  "fwhm_x": 2.6247505454545452,
  "fwhm_y": 2.713966545454545,
  "fwhm_z": 3.064855004381295,
  "gcor": 0.0383646,
  "gsr_x": 0.0035835353191941977,
  "gsr_y": 0.03525029867887497,
  "provenance": {
    "md5sum": "723d6641e15f4eb92eb9e90b39233b0b",
    "settings": {
      "fd_thres": 0.2,
      "testing": false
    },
    "software": "mriqc",
    "version": "22.0.6",
    "webapi_port": null,
    "webapi_url": "https://mriqc.nimh.nih.gov/api/v1"
  },
  "size_t": 9,
  "size_x": 64,
  "size_y": 64,
  "size_z": 48,
  "snr": 4.003799712755794,
  "spacing_tr": 3.0,
  "spacing_x": 3.4375,
  "spacing_y": 3.4375,
  "spacing_z": 3.3999977111816406,
  "summary_bg_k": 12.596581801518308,
  "summary_bg_mad": 17.461760719216784,
  "summary_bg_mean": 181.52760314941406,
  "summary_bg_median": 40.55555725097656,
  "summary_bg_n": 129455.0,
  "summary_bg_p05": 24.22222328186035,
  "summary_bg_p95": 975.8111145019518,
  "summary_bg_stdv": 344.09063720703125,
  "summary_fg_k": 0.3669884085142483,
  "summary_fg_mad": 583.1571139211583,
  "summary_fg_mean": 2647.081298828125,
  "summary_fg_median": 2573.666748046875,
  "summary_fg_n": 29483.0,
  "summary_fg_p05": 1688.9000244140625,
  "summary_fg_p95": 3833.877807617187,
  "summary_fg_stdv": 642.795166015625,
  "tsnr": 169.17910725157708
}