{
  "bids_meta": {
    "AcquisitionMatrixPE": 256,
    "AcquisitionNumber": 1,
    "AcquisitionTime": "14:17:39.000000",
    "BodyPartExamined": "BRAIN",
    "CoilString": "32Ch Head",
    "ConversionSoftware": "dcm2niix",
    "ConversionSoftwareVersion": "v1.0.20211006",
    "Dcm2bidsVersion": "2.1.6",
    "DeviceSerialNumber": "000301496MR3T6MR",
    "EchoTime": 0.058924,
    "EchoTrainLength": 140,
    "FlipAngle": 90,
    "ImageOrientationPatientDICOM": [
      0,
      1,
      0,
      0,
      0,
      -1
    ],
    "ImageType": [
      "ORIGINAL",
      "PRIMARY",
      "OTHER"
    ],
    "ImagingFrequency": 127.696,
    "InPlanePhaseEncodingDirectionDICOM": "ROW",
    "InstitutionName": "NIH FMRIF",
    "MRAcquisitionType": "3D",
    "MagneticFieldStrength": 3,
    "Manufacturer": "GE",
    "ManufacturersModelName": "DISCOVERY MR750",
    "Modality": "MR",
    "ParallelReductionFactorInPlane": 2,
    "ParallelReductionOutOfPlane": 1.5,
    "PatientPosition": "HFS",
    "PercentPhaseFOV": 100,
    "PercentSampling": 100,
    "PhaseEncodingAxis": "i",
    "PixelBandwidth": 244.141,
    "ProcedureStepDescription": "MRI Brain",
    "ProtocolName": "ADNI3 FMRIF Enhanced Pro",
    "ReconMatrixPE": 256,
    "RepetitionTime": 3.202,
    "SAR": 0.3966,
    "ScanOptions": "SAT_GEMS\\EDR_GEMS\\PROMO_GEMS\\ACC_GEMS\\FS\\FR_GEMS",
    "ScanningSequence": "RM",
    "SequenceVariant": "NONE",
    "SeriesDescription": "ORIG Anat T2w CUBE (ABCD)",
    "SeriesNumber": 40004,
    "SliceThickness": 1,
    "SoftwareVersions": "27\\LX\\MR Software release:DV26.0_R03_1831.b",
    "SpacingBetweenSlices": 1,
    "StationName": "FMRI3tb",
    "acq_id": "CUBE",
    "dataset": "ds004215",
    "modality": "T2w",
    "session_id": "01",
    "subject_id": "ON35773"
  },
  "cjv": 1.278566718609738,
  "cnr": 0.487555526849718,
  "efc": 0.47611532369910103,
  "fber": 2876.65774078478,
  "fwhm_avg": 2.36992,
  "fwhm_x": 2.01139,
  "fwhm_y": 2.59779,
  "fwhm_z": 2.50058,
  "icvs_csf": 0.25324862512493357,
  "icvs_gm": 0.5560968327309584,
  "icvs_wm": 0.190654542144108,
  "inu_med": 0.8600122928619385,
  "inu_range": 0.5867683887481688,
  "provenance": {
    "md5sum": "1aba038107ae68948716fe745a7bac33",
    "settings": {
      "testing": false
    },
    "software": "mriqc",
    "version": "22.0.6",
    "warnings": {
      "large_rot_frame": true,
      "small_air_mask": false
    },
    "webapi_port": null,
    "webapi_url": "https://mriqc.nimh.nih.gov/api/v1"
  },
  "qi_1": 0.0,
  "qi_2": 0.016523491107664167,
  "rpve_csf": 18.23509980378683,
  "rpve_gm": 10.748074708082523,
  "rpve_wm": 31.44523216543084,
  "size_x": 204,
  "size_y": 256,
  "size_z": 256,
  "snr_csf": 10.040151764254707,
  "snr_gm": 12.980870375958158,
  "snr_total": 7.82084422787315,
  "snr_wm": 0.44151054340658347,
  "snrd_csf": 42.411874382585665,
  "snrd_gm": 29.93977709145164,
  "snrd_total": 28.853112192769547,
  "snrd_wm": 14.207685104271343,
  "spacing_x": 1.0,
  "spacing_y": 1.0,
  "spacing_z": 1.0,
  "summary_bg_k": 0.005248447785390908,
  "summary_bg_mad": 46.215318045746244,
  "summary_bg_mean": 46.47702759212101,
  "summary_bg_median": 34.551828503608704,
  "summary_bg_n": 3372881.0,
  "summary_bg_p05": 0.0,
  "summary_bg_p95": 122.18327760696411,
  "summary_bg_stdv": 41.30992676503632,
  "summary_csf_k": 0.7841759649193558,
  "summary_csf_mad": 265.0420649370508,
  "summary_csf_mean": 3015.9019912452795,
  "summary_csf_median": 2991.862860172987,
  "summary_csf_n": 18637.0,
  "summary_csf_p05": 2573.460247039795,
  "summary_csf_p95": 3610.716153740883,
  "summary_csf_stdv": 297.98180969705436,
  "summary_gm_k": -0.0033568622111088686,
  "summary_gm_mad": 164.44486662060712,
  "summary_gm_mean": 2113.2298233786364,
  "summary_gm_median": 2112.0431111752987,
  "summary_gm_n": 275883.0,
  "summary_gm_p05": 1848.648012727499,
  "summary_gm_p95": 2379.9449698626995,
  "summary_gm_stdv": 162.70398072041667,
  "summary_wm_k": -1.319935133672852,
  "summary_wm_mad": 1254.495319964654,
  "summary_wm_mean": 2307.3947312405594,
  "summary_wm_median": 1002.2534021735191,
  "summary_wm_n": 53366.0,
  "summary_wm_p05": 128.9434179663658,
  "summary_wm_p95": 6145.468337833881,
  "summary_wm_stdv": 2270.0341514438733,
  "tpm_overlap_csf": 0.10479734447454991,
  "tpm_overlap_gm": 0.3548425381577996,
  "tpm_overlap_wm": 0.036539001259984966,
  "wm2max": 0.16304502779870883
}