{
  "bids_meta": {
    "AcquisitionMatrixPE": 256,
    "AcquisitionNumber": 1,
    "AcquisitionTime": "14:10:44.000000",
    "BodyPartExamined": "BRAIN",
    "CoilString": "32Ch Head",
    "ConversionSoftware": "dcm2niix",
    "ConversionSoftwareVersion": "v1.0.20211006",
    "Dcm2bidsVersion": "2.1.6",
    "DeviceSerialNumber": "000301496MR3T6MR",
    "EchoTime": 0.00292,
    "FlipAngle": 8,
    "ImageOrientationPatientDICOM": [
      0,
      1,
      0,
      0,
      0,
      -1
    ],
    "ImageType": [
      "ORIGINAL",
      "PRIMARY",
      "OTHER"
    ],
    "ImagingFrequency": 127.696,
    "InPlanePhaseEncodingDirectionDICOM": "ROW",
    "InstitutionName": "NIH FMRIF",
    "InversionTime": 1.06,
    "MRAcquisitionType": "3D",
    "MagneticFieldStrength": 3,
    "Manufacturer": "GE",
    "ManufacturersModelName": "DISCOVERY MR750",
    "Modality": "MR",
    "ParallelReductionFactorInPlane": 2,
    "ParallelReductionOutOfPlane": 2,
    "PatientPosition": "HFS",
    "PercentPhaseFOV": 100,
    "PercentSampling": 100,
    "PixelBandwidth": 244.141,
    "ProcedureStepDescription": "MRI Brain",
    "ProtocolName": "ADNI3 FMRIF Enhanced Pro",
    "ReconMatrixPE": 256,
    "RepetitionTime": 0.006952,
    "SAR": 0.135972,
    "ScanOptions": "EDR_GEMS\\PROMO_GEMS\\FILTERED_GEMS\\ACC_GEMS\\IR_GEMS",
    "ScanningSequence": "RM",
    "SequenceVariant": "NONE",
    "SeriesDescription": "Anat T1w MP-RAGE 1mm (ABCD)",
    "SeriesNumber": 3,
    "SliceThickness": 1,
    "SoftwareVersions": "27\\LX\\MR Software release:DV26.0_R03_1831.b",
    "SpacingBetweenSlices": 1,
    "StationName": "FMRI3tb",
    "acq_id": "MPRAGE",
    "dataset": "ds004215",
    "modality": "T1w",
    "rec_id": "SCIC",
    "session_id": "01",
    "subject_id": "ON35773"
  },
  "cjv": 0.3659317539915691,
  "cnr": 3.6225185209600266,
  "efc": 0.6956113410754807,
  "fber": 5597.4374080955195,
  "fwhm_avg": 3.413066666666667,
  "fwhm_x": 3.33133,
  "fwhm_y": 3.58813,
  "fwhm_z": 3.31974,
  "icvs_csf": 0.21809504750585654,
  "icvs_gm": 0.41565680094698443,
  "icvs_wm": 0.36624815154715906,
  "inu_med": 0.4971432685852051,
  "inu_range": 0.10073538422584533,
  "provenance": {
    "md5sum": "3ebd50ddd1d326ba741d4f8df97a62ed",
    "settings": {
      "testing": false
    },
    "software": "mriqc",
    "version": "22.0.6",
    "warnings": {
      "large_rot_frame": true,
      "small_air_mask": false
    },
    "webapi_port": null,
    "webapi_url": "https://mriqc.nimh.nih.gov/api/v1"
  },
  "qi_1": 0.0,
  "qi_2": 0.003943649142546469,
  "rpve_csf": 23.6817957469152,
  "rpve_gm": 12.774331259151152,
  "rpve_wm": 17.25212897933814,
  "size_x": 208,
  "size_y": 256,
  "size_z": 256,
  "snr_csf": 1.8100028108653063,
  "snr_gm": 8.54804489015787,
  "snr_total": 10.139552088186315,
  "snr_wm": 20.060608563535773,
  "snrd_csf": 12.820171580574625,
  "snrd_gm": 42.7601727478098,
  "snrd_total": 40.00154018974958,
  "snrd_wm": 64.42427624086432,
  "spacing_x": 1.0,
  "spacing_y": 1.0,
  "spacing_z": 1.0,
  "summary_bg_k": 5.530119563335482,
  "summary_bg_mad": 0.0,
  "summary_bg_mean": 5.777262799937779,
  "summary_bg_median": 0.0,
  "summary_bg_n": 895456.0,
  "summary_bg_p05": 0.0,
  "summary_bg_p95": 29.814993515610695,
  "summary_bg_stdv": 10.16909190961077,
  "summary_csf_k": 0.9264207465381511,
  "summary_csf_mad": 96.8327151161434,
  "summary_csf_mean": 223.07296487066696,
  "summary_csf_median": 198.99596954137087,
  "summary_csf_n": 37278.0,
  "summary_csf_p05": 85.87737448513508,
  "summary_csf_p95": 441.1599724292755,
  "summary_csf_stdv": 109.9408792342082,
  "summary_gm_k": 0.11917062942910883,
  "summary_gm_mad": 75.52422844993002,
  "summary_gm_mean": 662.3534502976337,
  "summary_gm_median": 663.7276248782873,
  "summary_gm_n": 26179.0,
  "summary_gm_p05": 532.5416534096003,
  "summary_gm_p95": 788.9353079035876,
  "summary_gm_stdv": 77.64523426906266,
  "summary_wm_k": 0.4635014091100058,
  "summary_wm_mad": 47.52850394697948,
  "summary_wm_mean": 1000.0160659700939,
  "summary_wm_median": 999.9999790936708,
  "summary_wm_n": 252260.0,
  "summary_wm_p05": 918.6330779865384,
  "summary_wm_p95": 1081.4433289021254,
  "summary_wm_stdv": 49.848836531682714,
  "tpm_overlap_csf": 0.14568745538430175,
  "tpm_overlap_gm": 0.45169042227536293,
  "tpm_overlap_wm": 0.5106135998030713,
  "wm2max": 0.6816752653429916
}