{
  "bids_meta": {
    "AcquisitionMatrixPE": 256,
    "AcquisitionNumber": 1,
    "AcquisitionTime": "14:10:44.000000",
    "BodyPartExamined": "BRAIN",
    "CoilString": "32Ch Head",
    "ConversionSoftware": "dcm2niix",
    "ConversionSoftwareVersion": "v1.0.20211006",
    "Dcm2bidsVersion": "2.1.6",
    "DeviceSerialNumber": "000301496MR3T6MR",
    "EchoTime": 0.00292,
    "FlipAngle": 8,
    "ImageOrientationPatientDICOM": [
      0,
      1,
      0,
      0,
      0,
      -1
    ],
    "ImageType": [
      "ORIGINAL",
      "PRIMARY",
      "OTHER"
    ],
    "ImagingFrequency": 127.696,
    "InPlanePhaseEncodingDirectionDICOM": "ROW",
    "InstitutionName": "NIH FMRIF",
    "InversionTime": 1.06,
    "MRAcquisitionType": "3D",
    "MagneticFieldStrength": 3,
    "Manufacturer": "GE",
    "ManufacturersModelName": "DISCOVERY MR750",
    "Modality": "MR",
    "ParallelReductionFactorInPlane": 2,
    "ParallelReductionOutOfPlane": 2,
    "PatientPosition": "HFS",
    "PercentPhaseFOV": 100,
    "PercentSampling": 100,
    "PixelBandwidth": 244.141,
    "ProcedureStepDescription": "MRI Brain",
    "ProtocolName": "ADNI3 FMRIF Enhanced Pro",
    "ReconMatrixPE": 256,
    "RepetitionTime": 0.006952,
    "SAR": 0.135972,
    "ScanOptions": "EDR_GEMS\\PROMO_GEMS\\ACC_GEMS\\IR_GEMS",
    "ScanningSequence": "RM",
    "SequenceVariant": "NONE",
    "SeriesDescription": "ORIG Anat T1w MP-RAGE 1mm (ABCD)",
    "SeriesNumber": 40003,
    "SliceThickness": 1,
    "SoftwareVersions": "27\\LX\\MR Software release:DV26.0_R03_1831.b",
    "SpacingBetweenSlices": 1,
    "StationName": "FMRI3tb",
    "acq_id": "MPRAGE",
    "dataset": "ds004215",
    "modality": "T1w",
    "session_id": "01",
    "subject_id": "ON35773"
  },
  "cjv": 0.40650014656789085,
  "cnr": 3.356403822306887,
  "efc": 0.48291870334469555,
  "fber": 5215.041846809708,
  "fwhm_avg": 3.911796666666667,
  "fwhm_x": 3.86032,
  "fwhm_y": 4.01405,
  "fwhm_z": 3.86102,
  "icvs_csf": 0.21127308978014284,
  "icvs_gm": 0.4175804355037421,
  "icvs_wm": 0.37114647471611506,
  "inu_med": 0.8912209272384644,
  "inu_range": 0.6492278099060055,
  "provenance": {
    "md5sum": "2dbbd3fc51105e701cf16c8705c98663",
    "settings": {
      "testing": false
    },
    "software": "mriqc",
    "version": "22.0.6",
    "warnings": {
      "large_rot_frame": true,
      "small_air_mask": false
    },
    "webapi_port": null,
    "webapi_url": "https://mriqc.nimh.nih.gov/api/v1"
  },
  "qi_1": 0.0,
  "qi_2": 0.001493517347505368,
  "rpve_csf": 24.388243457573356,
  "rpve_gm": 12.744871944380447,
  "rpve_wm": 17.007532810047095,
  "size_x": 208,
  "size_y": 256,
  "size_z": 256,
  "snr_csf": 1.1383055053847402,
  "snr_gm": 7.683553539631767,
  "snr_total": 8.895611492951074,
  "snr_wm": 17.864975433836715,
  "snrd_csf": 6.794454593063153,
  "snrd_gm": 32.55135629773305,
  "snrd_total": 29.67303722787933,
  "snrd_wm": 49.67330079284178,
  "spacing_x": 1.0,
  "spacing_y": 1.0,
  "spacing_z": 1.0,
  "summary_bg_k": 1.19620448009832,
  "summary_bg_mad": 13.189442724050284,
  "summary_bg_mean": 12.898677369354186,
  "summary_bg_median": 8.896143928170204,
  "summary_bg_n": 3507140.0,
  "summary_bg_p05": 0.0,
  "summary_bg_p95": 35.54376771301031,
  "summary_bg_stdv": 11.821255793165042,
  "summary_csf_k": 1.022890747337752,
  "summary_csf_mad": 97.10575950504912,
  "summary_csf_mean": 170.10369052319646,
  "summary_csf_median": 136.78841489553452,
  "summary_csf_n": 32707.0,
  "summary_csf_p05": 32.11589574068785,
  "summary_csf_p95": 420.9222742013632,
  "summary_csf_stdv": 120.16661881555306,
  "summary_gm_k": -0.0299544282426929,
  "summary_gm_mad": 86.21539395308099,
  "summary_gm_mean": 654.8045446118506,
  "summary_gm_median": 655.3356667086482,
  "summary_gm_n": 24494.0,
  "summary_gm_p05": 515.0642890412361,
  "summary_gm_p95": 794.0563403885811,
  "summary_gm_stdv": 85.28895981768844,
  "summary_wm_k": 0.3996745304663962,
  "summary_wm_mad": 53.90730948224222,
  "summary_wm_mean": 1001.3400779471684,
  "summary_wm_median": 1000.0408399254084,
  "summary_wm_n": 252520.0,
  "summary_wm_p05": 912.099600635469,
  "summary_wm_p95": 1094.9602471590042,
  "summary_wm_stdv": 55.97762300346071,
  "tpm_overlap_csf": 0.14532329033958336,
  "tpm_overlap_gm": 0.44807381975028415,
  "tpm_overlap_wm": 0.5047767938302143,
  "wm2max": 0.5027800004103322
}