{
  "bids_meta": {
    "AcquisitionMatrixPE": 256,
    "AcquisitionNumber": 1,
    "AcquisitionTime": "15:06:14.000000",
    "BodyPartExamined": "BRAIN",
    "CoilString": "32Ch Head",
    "ConversionSoftware": "dcm2niix",
    "ConversionSoftwareVersion": "v1.0.20211006",
    "Dcm2bidsVersion": "2.1.6",
    "DeviceSerialNumber": "000301496MR3T6MR",
    "EchoTime": 0.003036,
    "FlipAngle": 11,
    "ImageOrientationPatientDICOM": [
      0,
      1,
      0,
      0,
      0,
      -1
    ],
    "ImageType": [
      "ORIGINAL",
      "PRIMARY",
      "OTHER"
    ],
    "ImagingFrequency": 127.697,
    "InPlanePhaseEncodingDirectionDICOM": "ROW",
    "InstitutionName": "NIH FMRIF",
    "InversionTime": 0.4,
    "MRAcquisitionType": "3D",
    "MagneticFieldStrength": 3,
    "Manufacturer": "GE",
    "ManufacturersModelName": "DISCOVERY MR750",
    "Modality": "MR",
    "ParallelReductionFactorInPlane": 1.72974,
    "PatientPosition": "HFS",
    "PercentPhaseFOV": 100,
    "PercentSampling": 100,
    "PixelBandwidth": 244.141,
    "ProcedureStepDescription": "MRI Brain",
    "ProtocolName": "ADNI3 FMRIF Enhanced Pro",
    "ReconMatrixPE": 256,
    "RepetitionTime": 0.007348,
    "SAR": 0.16503,
    "ScanOptions": "FAST_GEMS\\EDR_GEMS\\FILTERED_GEMS\\ACC_GEMS\\IR_GEMS",
    "ScanningSequence": "GR",
    "SequenceVariant": "SS\\SP\\SK",
    "SeriesDescription": "Accelerated Sagittal IR-FSPGR",
    "SeriesNumber": 3,
    "SliceThickness": 1.2,
    "SoftwareVersions": "27\\LX\\MR Software release:DV26.0_R01_1725.a",
    "SpacingBetweenSlices": 1.2,
    "SpoilingState": true,
    "StationName": "fmrif3tb",
    "acq_id": "FSPGR",
    "dataset": "ds004215",
    "modality": "T1w",
    "rec_id": "SCIC",
    "session_id": "01",
    "subject_id": "ON33827"
  },
  "cjv": 0.31471771388932746,
  "cnr": 4.322569572989122,
  "efc": 0.5540113422911795,
  "fber": -1.0,
  "fwhm_avg": 3.5625552473825484,
  "fwhm_x": 3.337670601130417,
  "fwhm_y": 3.7873707553881255,
  "fwhm_z": 3.5626243856291038,
  "icvs_csf": 0.23311297078747856,
  "icvs_gm": 0.4429687786334864,
  "icvs_wm": 0.3239182505790351,
  "inu_med": 0.5757478177547455,
  "inu_range": 0.14542348384857173,
  "provenance": {
    "md5sum": "8eb675370295e7d3a0fec4e7aabd4705",
    "settings": {
      "testing": false
    },
    "software": "mriqc",
    "version": "22.0.6",
    "warnings": {
      "large_rot_frame": true,
      "small_air_mask": false
    },
    "webapi_port": null,
    "webapi_url": "https://mriqc.nimh.nih.gov/api/v1"
  },
  "qi_1": 0.0,
  "qi_2": 0.005460059016381276,
  "rpve_csf": 31.414047340916078,
  "rpve_gm": 17.30630791258806,
  "rpve_wm": 27.573662066898272,
  "size_x": 196,
  "size_y": 256,
  "size_z": 256,
  "snr_csf": 2.195448061336656,
  "snr_gm": 10.007839617560963,
  "snr_total": 12.309442758429219,
  "snr_wm": 24.725040596390034,
  "snrd_csf": 19.174891638788452,
  "snrd_gm": 56.30186168653666,
  "snrd_total": 53.47048628127646,
  "snrd_wm": 84.93470551850424,
  "spacing_x": 1.2000045776367188,
  "spacing_y": 1.0547000169754028,
  "spacing_z": 1.0547000169754028,
  "summary_bg_k": 19.68584409836123,
  "summary_bg_mad": 0.0,
  "summary_bg_mean": 4.1677718456965,
  "summary_bg_median": 0.0,
  "summary_bg_n": 931941.0,
  "summary_bg_p05": 0.0,
  "summary_bg_p95": 16.944573137909174,
  "summary_bg_stdv": 7.713412288644829,
  "summary_csf_k": 1.4467814913629944,
  "summary_csf_mad": 88.29918278600302,
  "summary_csf_mean": 235.06573990947294,
  "summary_csf_median": 225.76038333401084,
  "summary_csf_n": 24093.0,
  "summary_csf_p05": 88.78338754400612,
  "summary_csf_p95": 429.95213917493794,
  "summary_csf_stdv": 102.82898606206349,
  "summary_gm_k": 0.04990225973115159,
  "summary_gm_mad": 66.61066024815781,
  "summary_gm_mean": 661.6299676027033,
  "summary_gm_median": 662.8840525522828,
  "summary_gm_n": 30271.0,
  "summary_gm_p05": 549.8108703028411,
  "summary_gm_p95": 766.8673783689737,
  "summary_gm_stdv": 66.23538432196383,
  "summary_wm_k": 0.20737318686463624,
  "summary_wm_mad": 39.48570066256777,
  "summary_wm_mean": 1000.4249420031709,
  "summary_wm_median": 1000.0000019520521,
  "summary_wm_n": 136303.0,
  "summary_wm_p05": 934.6147926226258,
  "summary_wm_p95": 1067.4309114553034,
  "summary_wm_stdv": 40.444679140121785,
  "tpm_overlap_csf": 0.15394306003671604,
  "tpm_overlap_gm": 0.45871822708250376,
  "tpm_overlap_wm": 0.49525127614357384,
  "wm2max": 0.451835339085129
}