{
  "aor": 0.009379296482412059,
  "aqi": 0.004216417085427134,
  "bids_meta": {
    "AcquisitionMatrixPE": 64,
    "AcquisitionNumber": 1,
    "AcquisitionTime": "14:51:32.000000",
    "BodyPartExamined": "BRAIN",
    "CoilString": "32Ch Head",
    "ConversionSoftware": "dcm2niix",
    "ConversionSoftwareVersion": "v1.0.20211006",
    "Dcm2bidsVersion": "2.1.6",
    "DeviceSerialNumber": "000301496MR3T6MR",
    "EchoTime": 0.0169,
    "EffectiveEchoSpacing": 0.000416,
    "FlipAngle": 90,
    "ImageOrientationPatientDICOM": [
      1,
      0,
      0,
      0,
      1,
      0
    ],
    "ImageType": [
      "ORIGINAL",
      "PRIMARY",
      "OTHER"
    ],
    "ImagingFrequency": 127.697,
    "InPlanePhaseEncodingDirectionDICOM": "COL",
    "InstitutionName": "NIH FMRIF",
    "InternalPulseSequenceName": "EPI",
    "MRAcquisitionType": "2D",
    "MagneticFieldStrength": 3,
    "Manufacturer": "GE",
    "ManufacturersModelName": "DISCOVERY MR750",
    "Modality": "MR",
    "PatientPosition": "HFS",
    "PercentPhaseFOV": 100,
    "PercentSampling": 100,
    "PhaseEncodingDirection": "j",
    "PhaseEncodingPolarityGE": "Flipped",
    "PixelBandwidth": 7812.5,
    "ProcedureStepDescription": "MRI Brain",
    "ProtocolName": "ADNI3 FMRIF Enhanced Pro",
    "PulseSequenceName": "epi",
    "ReconMatrixPE": 64,
    "RepetitionTime": 3,
    "SAR": 0.148371,
    "ScanOptions": "MP_GEMS\\EPI_GEMS\\PFF",
    "ScanningSequence": "EP\\GR",
    "SequenceVariant": "SS",
    "SeriesDescription": "Axial rsfMRI with Eyes Open - RKV",
    "SeriesNumber": 11,
    "SliceThickness": 3.4,
    "SliceTiming": [
      0,
      1.5,
      0.0625,
      1.5625,
      0.125,
      1.625,
      0.1875,
      1.6875,
      0.25,
      1.75,
      0.3125,
      1.8125,
      0.375,
      1.875,
      0.4375,
      1.9375,
      0.5,
      2,
      0.5625,
      2.0625,
      0.625,
      2.125,
      0.6875,
      2.1875,
      0.75,
      2.25,
      0.8125,
      2.3125,
      0.875,
      2.375,
      0.9375,
      2.4375,
      1,
      2.5,
      1.0625,
      2.5625,
      1.125,
      2.625,
      1.1875,
      2.6875,
      1.25,
      2.75,
      1.3125,
      2.8125,
      1.375,
      2.875,
      1.4375,
      2.9375
    ],
    "SoftwareVersions": "27\\LX\\MR Software release:DV26.0_R01_1725.a",
    "SpacingBetweenSlices": 3.4,
    "StationName": "fmrif3tb",
    "TaskName": "Resting state with eyes open.",
    "TotalReadoutTime": 0.026208,
    "TriggerDelayTime": 599938,
    "dataset": "ds004215",
    "modality": "bold",
    "session_id": "01",
    "subject_id": "ON80356",
    "task_id": "rest"
  },
  "dummy_trs": 1,
  "dvars_nstd": 18.191885461868694,
  "dvars_std": 1.2513237430808088,
  "dvars_vstd": 1.0769453743939394,
  "efc": 0.4255156825482954,
  "fber": 6037.73779296875,
  "fd_mean": 0.1939931687033034,
  "fd_num": 67,
  "fd_perc": 33.66834170854271,
  "fwhm_avg": 2.6450473879650778,
  "fwhm_x": 2.5376814545454547,
  "fwhm_y": 2.450109090909091,
  "fwhm_z": 2.9473516184406874,
  "gcor": 0.0447571,
  "gsr_x": 0.0003909559454768896,
  "gsr_y": 0.014089944772422314,
  "provenance": {
    "md5sum": "5e578fac99460c077f3145a59a4d2668",
    "settings": {
      "fd_thres": 0.2,
      "testing": false
    },
    "software": "mriqc",
    "version": "22.0.6",
    "webapi_port": null,
    "webapi_url": "https://mriqc.nimh.nih.gov/api/v1"
  },
  "size_t": 199,
  "size_x": 64,
  "size_y": 64,
  "size_z": 48,
  "snr": 4.456137286250066,
  "spacing_tr": 3.0,
  "spacing_x": 3.4375,
  "spacing_y": 3.4375,
  "spacing_z": 3.4000015258789062,
  "summary_bg_k": 40.17897532553391,
  "summary_bg_mad": 7.576918314873403,
  "summary_bg_mean": 106.15991973876953,
  "summary_bg_median": 31.457286834716797,
  "summary_bg_n": 139901.0,
  "summary_bg_p05": 22.934673309326172,
  "summary_bg_p95": 509.14068603515625,
  "summary_bg_stdv": 231.4937286376953,
  "summary_fg_k": 1.9041949637627917,
  "summary_fg_mad": 460.28826487966774,
  "summary_fg_mean": 2523.94873046875,
  "summary_fg_median": 2435.128173828125,
  "summary_fg_n": 22456.0,
  "summary_fg_p05": 1778.7474975585938,
  "summary_fg_p95": 3549.2625732421875,
  "summary_fg_stdv": 546.4539794921875,
  "tsnr": 76.78583524283022
}