{
  "bids_meta": {
    "AcquisitionMatrixPE": 256,
    "AcquisitionNumber": 1,
    "AcquisitionTime": "15:29:35.000000",
    "BodyPartExamined": "BRAIN",
    "CoilString": "32Ch Head",
    "ConversionSoftware": "dcm2niix",
    "ConversionSoftwareVersion": "v1.0.20211006",
    "Dcm2bidsVersion": "2.1.6",
    "DeviceSerialNumber": "000301496MR3T6MR",
    "EchoTime": 0.066495,
    "EchoTrainLength": 140,
    "FlipAngle": 90,
    "ImageOrientationPatientDICOM": [
      0,
      1,
      0,
      0,
      0,
      -1
    ],
    "ImageType": [
      "ORIGINAL",
      "PRIMARY",
      "OTHER"
    ],
    "ImagingFrequency": 127.696,
    "InPlanePhaseEncodingDirectionDICOM": "ROW",
    "InstitutionName": "NIH FMRIF",
    "MRAcquisitionType": "3D",
    "MagneticFieldStrength": 3,
    "Manufacturer": "GE",
    "ManufacturersModelName": "DISCOVERY MR750",
    "Modality": "MR",
    "ParallelReductionFactorInPlane": 2,
    "ParallelReductionOutOfPlane": 1.5,
    "PatientPosition": "HFS",
    "PercentPhaseFOV": 100,
    "PercentSampling": 100,
    "PhaseEncodingAxis": "i",
    "PixelBandwidth": 244.141,
    "ProcedureStepDescription": "MRI Brain",
    "ProtocolName": "ADNI3 FMRIF Enhanced Pro",
    "ReconMatrixPE": 256,
    "RepetitionTime": 3.202,
    "SAR": 0.4316,
    "ScanOptions": "SAT_GEMS\\EDR_GEMS\\PROMO_GEMS\\FILTERED_GEMS\\ACC_GEMS\\FS\\FR_GEMS",
    "ScanningSequence": "RM",
    "SequenceVariant": "NONE",
    "SeriesDescription": "Anat T2w CUBE (ABCD)",
    "SeriesNumber": 4,
    "SliceThickness": 1,
    "SoftwareVersions": "27\\LX\\MR Software release:DV26.0_R03_1831.b",
    "SpacingBetweenSlices": 1,
    "StationName": "FMRI3tb",
    "acq_id": "CUBE",
    "dataset": "ds004215",
    "modality": "T2w",
    "rec_id": "SCIC",
    "session_id": "01",
    "subject_id": "ON67435"
  },
  "cjv": 0.34235931156587157,
  "cnr": 1.3495996701275281,
  "efc": 0.4431805756024391,
  "fber": 3222.0560941828253,
  "fwhm_avg": 2.430476666666667,
  "fwhm_x": 1.99517,
  "fwhm_y": 2.74897,
  "fwhm_z": 2.54729,
  "icvs_csf": 0.13935897678734196,
  "icvs_gm": 0.7117378817845825,
  "icvs_wm": 0.1489031414280755,
  "inu_med": 0.701553076505661,
  "inu_range": 0.11428310573101041,
  "provenance": {
    "md5sum": "49369645db277a015b6c19d47333039a",
    "settings": {
      "testing": false
    },
    "software": "mriqc",
    "version": "22.0.6",
    "warnings": {
      "large_rot_frame": true,
      "small_air_mask": false
    },
    "webapi_port": null,
    "webapi_url": "https://mriqc.nimh.nih.gov/api/v1"
  },
  "qi_1": 6.055117718216351e-06,
  "qi_2": 0.017089988794716786,
  "rpve_csf": 37.18141326928615,
  "rpve_gm": 11.264957692673063,
  "rpve_wm": 48.5793333891451,
  "size_x": 204,
  "size_y": 256,
  "size_z": 256,
  "snr_csf": 5.300013238413778,
  "snr_gm": 10.059737003613902,
  "snr_total": 5.843319247327371,
  "snr_wm": 2.1702074999544325,
  "snrd_csf": 89.18126056827256,
  "snrd_gm": 45.27349081615838,
  "snrd_total": 84.94871662038618,
  "snrd_wm": 120.39139847672756,
  "spacing_x": 1.0,
  "spacing_y": 1.0,
  "spacing_z": 1.0,
  "summary_bg_k": 141.11768376370367,
  "summary_bg_mad": 5.442504469719591,
  "summary_bg_mean": 3.8497994917629272,
  "summary_bg_median": 3.670913480222225,
  "summary_bg_n": 2737623.0,
  "summary_bg_p05": 0.0,
  "summary_bg_p95": 11.67854337580502,
  "summary_bg_stdv": 4.930669776413701,
  "summary_csf_k": 0.8242942896013656,
  "summary_csf_mad": 140.38460058659064,
  "summary_csf_mean": 733.1776492566664,
  "summary_csf_median": 740.8677174067125,
  "summary_csf_n": 1586.0,
  "summary_csf_p05": 510.4504164955579,
  "summary_csf_p95": 941.3283849051222,
  "summary_csf_stdv": 139.7419369363585,
  "summary_gm_k": -0.05222577159671005,
  "summary_gm_mad": 37.72402607933089,
  "summary_gm_mean": 377.2970596937545,
  "summary_gm_median": 376.10667965747416,
  "summary_gm_n": 435987.0,
  "summary_gm_p05": 318.0918509308249,
  "summary_gm_p95": 440.88750577904284,
  "summary_gm_stdv": 37.387284398613254,
  "summary_wm_k": -1.4691371104810174,
  "summary_wm_mad": 175.92095330064208,
  "summary_wm_mean": 719.1540900302357,
  "summary_wm_median": 1000.1439766213298,
  "summary_wm_n": 44508.0,
  "summary_wm_p05": 23.7169802300632,
  "summary_wm_p95": 1128.1760815810412,
  "summary_wm_stdv": 460.84659693892064,
  "tpm_overlap_csf": 0.1107788813385205,
  "tpm_overlap_gm": 0.41846404654299096,
  "tpm_overlap_wm": 0.04696244181126225,
  "wm2max": 0.8900062450959983
}