{
  "bids_meta": {
    "AcquisitionMatrixPE": 256,
    "AcquisitionNumber": 1,
    "AcquisitionTime": "15:22:39.000000",
    "BodyPartExamined": "BRAIN",
    "CoilString": "32Ch Head",
    "ConversionSoftware": "dcm2niix",
    "ConversionSoftwareVersion": "v1.0.20211006",
    "Dcm2bidsVersion": "2.1.6",
    "DeviceSerialNumber": "000301496MR3T6MR",
    "EchoTime": 0.00292,
    "FlipAngle": 8,
    "ImageOrientationPatientDICOM": [
      0,
      1,
      0,
      0,
      0,
      -1
    ],
    "ImageType": [
      "ORIGINAL",
      "PRIMARY",
      "OTHER"
    ],
    "ImagingFrequency": 127.696,
    "InPlanePhaseEncodingDirectionDICOM": "ROW",
    "InstitutionName": "NIH FMRIF",
    "InversionTime": 1.06,
    "MRAcquisitionType": "3D",
    "MagneticFieldStrength": 3,
    "Manufacturer": "GE",
    "ManufacturersModelName": "DISCOVERY MR750",
    "Modality": "MR",
    "ParallelReductionFactorInPlane": 2,
    "ParallelReductionOutOfPlane": 2,
    "PatientPosition": "HFS",
    "PercentPhaseFOV": 100,
    "PercentSampling": 100,
    "PixelBandwidth": 244.141,
    "ProcedureStepDescription": "MRI Brain",
    "ProtocolName": "ADNI3 FMRIF Enhanced Pro",
    "ReconMatrixPE": 256,
    "RepetitionTime": 0.006952,
    "SAR": 0.116722,
    "ScanOptions": "EDR_GEMS\\PROMO_GEMS\\ACC_GEMS\\IR_GEMS",
    "ScanningSequence": "RM",
    "SequenceVariant": "NONE",
    "SeriesDescription": "ORIG Anat T1w MP-RAGE 1mm (ABCD)",
    "SeriesNumber": 40003,
    "SliceThickness": 1,
    "SoftwareVersions": "27\\LX\\MR Software release:DV26.0_R03_1831.b",
    "SpacingBetweenSlices": 1,
    "StationName": "FMRI3tb",
    "acq_id": "MPRAGE",
    "dataset": "ds004215",
    "modality": "T1w",
    "session_id": "01",
    "subject_id": "ON67435"
  },
  "cjv": 0.4167265268181698,
  "cnr": 3.2809231995476704,
  "efc": 0.4324687661884668,
  "fber": 2713.0383525959405,
  "fwhm_avg": 3.979206666666667,
  "fwhm_x": 3.87318,
  "fwhm_y": 4.17725,
  "fwhm_z": 3.88719,
  "icvs_csf": 0.24670858407068647,
  "icvs_gm": 0.41036555964302934,
  "icvs_wm": 0.3429258562862842,
  "inu_med": 0.8705014586448669,
  "inu_range": 0.5826451212167739,
  "provenance": {
    "md5sum": "2ffef64f757f740e9af39abecc54ea1d",
    "settings": {
      "testing": false
    },
    "software": "mriqc",
    "version": "22.0.6",
    "warnings": {
      "large_rot_frame": true,
      "small_air_mask": false
    },
    "webapi_port": null,
    "webapi_url": "https://mriqc.nimh.nih.gov/api/v1"
  },
  "qi_1": 0.0,
  "qi_2": 0.0014545893803165778,
  "rpve_csf": 27.887387276197998,
  "rpve_gm": 16.29598494899624,
  "rpve_wm": 22.408505011941063,
  "size_x": 208,
  "size_y": 256,
  "size_z": 256,
  "snr_csf": 1.3672576576958841,
  "snr_gm": 8.349396871887508,
  "snr_total": 8.85731341770274,
  "snr_wm": 16.855285723524826,
  "snrd_csf": 5.585135594993401,
  "snrd_gm": 32.69932622174666,
  "snrd_total": 29.026278224568646,
  "snrd_wm": 48.79437285696588,
  "spacing_x": 1.0,
  "spacing_y": 1.0,
  "spacing_z": 1.0,
  "summary_bg_k": 2.404982943973046,
  "summary_bg_mad": 13.426474833349896,
  "summary_bg_mean": 12.421005734646808,
  "summary_bg_median": 11.143280692398548,
  "summary_bg_n": 4310402.0,
  "summary_bg_p05": 0.0,
  "summary_bg_p95": 35.012120604515076,
  "summary_bg_stdv": 12.083444353780756,
  "summary_csf_k": 4.123196206163828,
  "summary_csf_mad": 60.14461774790567,
  "summary_csf_mean": 132.70981957458352,
  "summary_csf_median": 114.46270197629929,
  "summary_csf_n": 59845.0,
  "summary_csf_p05": 38.284407261013996,
  "summary_csf_p95": 311.4058803766966,
  "summary_csf_stdv": 83.7162951706094,
  "summary_gm_k": -0.07237823839995006,
  "summary_gm_mad": 81.15779955028599,
  "summary_gm_mean": 668.4026105261721,
  "summary_gm_median": 670.145454570651,
  "summary_gm_n": 24501.0,
  "summary_gm_p05": 533.1605327054858,
  "summary_gm_p95": 797.6367052718997,
  "summary_gm_stdv": 80.26110015296965,
  "summary_wm_k": 0.6075739786041683,
  "summary_wm_mad": 56.30135171754157,
  "summary_wm_mean": 1000.5285519025767,
  "summary_wm_median": 1000.0000292658806,
  "summary_wm_n": 172238.0,
  "summary_wm_p05": 904.9286556243896,
  "summary_wm_p95": 1097.8656394556165,
  "summary_wm_stdv": 59.3283995717755,
  "tpm_overlap_csf": 0.16823617174755032,
  "tpm_overlap_gm": 0.4497782462315354,
  "tpm_overlap_wm": 0.4975813410090566,
  "wm2max": 0.5484261904782333
}