{
  "bids_meta": {
    "AcquisitionMatrixPE": 256,
    "AcquisitionNumber": 1,
    "AcquisitionTime": "15:22:39.000000",
    "BodyPartExamined": "BRAIN",
    "CoilString": "32Ch Head",
    "ConversionSoftware": "dcm2niix",
    "ConversionSoftwareVersion": "v1.0.20211006",
    "Dcm2bidsVersion": "2.1.6",
    "DeviceSerialNumber": "000301496MR3T6MR",
    "EchoTime": 0.00292,
    "FlipAngle": 8,
    "ImageOrientationPatientDICOM": [
      0,
      1,
      0,
      0,
      0,
      -1
    ],
    "ImageType": [
      "ORIGINAL",
      "PRIMARY",
      "OTHER"
    ],
    "ImagingFrequency": 127.696,
    "InPlanePhaseEncodingDirectionDICOM": "ROW",
    "InstitutionName": "NIH FMRIF",
    "InversionTime": 1.06,
    "MRAcquisitionType": "3D",
    "MagneticFieldStrength": 3,
    "Manufacturer": "GE",
    "ManufacturersModelName": "DISCOVERY MR750",
    "Modality": "MR",
    "ParallelReductionFactorInPlane": 2,
    "ParallelReductionOutOfPlane": 2,
    "PatientPosition": "HFS",
    "PercentPhaseFOV": 100,
    "PercentSampling": 100,
    "PixelBandwidth": 244.141,
    "ProcedureStepDescription": "MRI Brain",
    "ProtocolName": "ADNI3 FMRIF Enhanced Pro",
    "ReconMatrixPE": 256,
    "RepetitionTime": 0.006952,
    "SAR": 0.116722,
    "ScanOptions": "EDR_GEMS\\PROMO_GEMS\\FILTERED_GEMS\\ACC_GEMS\\IR_GEMS",
    "ScanningSequence": "RM",
    "SequenceVariant": "NONE",
    "SeriesDescription": "Anat T1w MP-RAGE 1mm (ABCD)",
    "SeriesNumber": 3,
    "SliceThickness": 1,
    "SoftwareVersions": "27\\LX\\MR Software release:DV26.0_R03_1831.b",
    "SpacingBetweenSlices": 1,
    "StationName": "FMRI3tb",
    "acq_id": "MPRAGE",
    "dataset": "ds004215",
    "modality": "T1w",
    "rec_id": "SCIC",
    "session_id": "01",
    "subject_id": "ON67435"
  },
  "cjv": 0.39018819812133265,
  "cnr": 3.4592245779746906,
  "efc": 0.6875862049811171,
  "fber": 15782.573497696307,
  "fwhm_avg": 3.6200733333333335,
  "fwhm_x": 3.5118,
  "fwhm_y": 3.82974,
  "fwhm_z": 3.51868,
  "icvs_csf": 0.25461551142830474,
  "icvs_gm": 0.4114443392079476,
  "icvs_wm": 0.33394014936374766,
  "inu_med": 0.49778759479522705,
  "inu_range": 0.07983928918838501,
  "provenance": {
    "md5sum": "c3278eb3275592f55672280f1ebb3b4e",
    "settings": {
      "testing": false
    },
    "software": "mriqc",
    "version": "22.0.6",
    "warnings": {
      "large_rot_frame": true,
      "small_air_mask": false
    },
    "webapi_port": null,
    "webapi_url": "https://mriqc.nimh.nih.gov/api/v1"
  },
  "qi_1": 0.0,
  "qi_2": 0.002739183145519706,
  "rpve_csf": 26.877490442727748,
  "rpve_gm": 16.172234333666697,
  "rpve_wm": 22.927979900109225,
  "size_x": 208,
  "size_y": 256,
  "size_z": 256,
  "snr_csf": 2.067121616172122,
  "snr_gm": 9.137408849939906,
  "snr_total": 10.020698201675048,
  "snr_wm": 18.857564138913112,
  "snrd_csf": 11.30538675755494,
  "snrd_gm": 47.6374741269189,
  "snrd_total": 42.94059108268171,
  "snrd_wm": 69.87891236357127,
  "spacing_x": 1.0,
  "spacing_y": 1.0,
  "spacing_z": 1.0,
  "summary_bg_k": 12.306279261491197,
  "summary_bg_mad": 0.0,
  "summary_bg_mean": 4.3429414142246445,
  "summary_bg_median": 0.0,
  "summary_bg_n": 630013.0,
  "summary_bg_p05": 0.0,
  "summary_bg_p95": 24.487223755568266,
  "summary_bg_stdv": 9.375309345313411,
  "summary_csf_k": 3.710383407467944,
  "summary_csf_mad": 58.195535700112536,
  "summary_csf_mean": 177.93262551678856,
  "summary_csf_median": 161.78539021871984,
  "summary_csf_n": 63866.0,
  "summary_csf_p05": 86.70538015430793,
  "summary_csf_p95": 338.5782967787236,
  "summary_csf_stdv": 78.26541135641877,
  "summary_gm_k": 0.018603931856686184,
  "summary_gm_mad": 73.79582136647996,
  "summary_gm_mean": 679.4033218838134,
  "summary_gm_median": 681.7146114446223,
  "summary_gm_n": 25790.0,
  "summary_gm_p05": 553.2657882198691,
  "summary_gm_p95": 799.678781290073,
  "summary_gm_stdv": 74.605548013185,
  "summary_wm_k": 0.5479230078303496,
  "summary_wm_mad": 50.39539286692883,
  "summary_wm_mean": 999.17840585458,
  "summary_wm_median": 1000.0000307150185,
  "summary_wm_n": 170786.0,
  "summary_wm_p05": 910.8822953491472,
  "summary_wm_p95": 1084.0566690918058,
  "summary_wm_stdv": 53.0289647010497,
  "tpm_overlap_csf": 0.17025891298280152,
  "tpm_overlap_gm": 0.4544316727266334,
  "tpm_overlap_wm": 0.5014940355774637,
  "wm2max": 0.6902403105964254
}