{
  "bids_meta": {
    "AcquisitionMatrixPE": 256,
    "AcquisitionNumber": 1,
    "AcquisitionTime": "15:29:35.000000",
    "BodyPartExamined": "BRAIN",
    "CoilString": "32Ch Head",
    "ConversionSoftware": "dcm2niix",
    "ConversionSoftwareVersion": "v1.0.20211006",
    "Dcm2bidsVersion": "2.1.6",
    "DeviceSerialNumber": "000301496MR3T6MR",
    "EchoTime": 0.066495,
    "EchoTrainLength": 140,
    "FlipAngle": 90,
    "ImageOrientationPatientDICOM": [
      0,
      1,
      0,
      0,
      0,
      -1
    ],
    "ImageType": [
      "ORIGINAL",
      "PRIMARY",
      "OTHER"
    ],
    "ImagingFrequency": 127.696,
    "InPlanePhaseEncodingDirectionDICOM": "ROW",
    "InstitutionName": "NIH FMRIF",
    "MRAcquisitionType": "3D",
    "MagneticFieldStrength": 3,
    "Manufacturer": "GE",
    "ManufacturersModelName": "DISCOVERY MR750",
    "Modality": "MR",
    "ParallelReductionFactorInPlane": 2,
    "ParallelReductionOutOfPlane": 1.5,
    "PatientPosition": "HFS",
    "PercentPhaseFOV": 100,
    "PercentSampling": 100,
    "PhaseEncodingAxis": "i",
    "PixelBandwidth": 244.141,
    "ProcedureStepDescription": "MRI Brain",
    "ProtocolName": "ADNI3 FMRIF Enhanced Pro",
    "ReconMatrixPE": 256,
    "RepetitionTime": 3.202,
    "SAR": 0.4316,
    "ScanOptions": "SAT_GEMS\\EDR_GEMS\\PROMO_GEMS\\ACC_GEMS\\FS\\FR_GEMS",
    "ScanningSequence": "RM",
    "SequenceVariant": "NONE",
    "SeriesDescription": "ORIG Anat T2w CUBE (ABCD)",
    "SeriesNumber": 40004,
    "SliceThickness": 1,
    "SoftwareVersions": "27\\LX\\MR Software release:DV26.0_R03_1831.b",
    "SpacingBetweenSlices": 1,
    "StationName": "FMRI3tb",
    "acq_id": "CUBE",
    "dataset": "ds004215",
    "modality": "T2w",
    "session_id": "01",
    "subject_id": "ON67435"
  },
  "cjv": 0.5319807964766788,
  "cnr": 1.307855242843149,
  "efc": 0.3827749997404527,
  "fber": 8827.286917240472,
  "fwhm_avg": 2.5632233333333336,
  "fwhm_x": 2.1002,
  "fwhm_y": 2.85357,
  "fwhm_z": 2.7359,
  "icvs_csf": 0.11403713862772878,
  "icvs_gm": 0.1931277051126576,
  "icvs_wm": 0.6928351562596137,
  "inu_med": 0.8748077154159546,
  "inu_range": 0.4832132339477536,
  "provenance": {
    "md5sum": "382af0c2aac2f92a172713d643b0817f",
    "settings": {
      "testing": false
    },
    "software": "mriqc",
    "version": "22.0.6",
    "warnings": {
      "large_rot_frame": true,
      "small_air_mask": false
    },
    "webapi_port": null,
    "webapi_url": "https://mriqc.nimh.nih.gov/api/v1"
  },
  "qi_1": 0.006083618972396556,
  "qi_2": 0.010818761018834992,
  "rpve_csf": 41.85759034399821,
  "rpve_gm": 39.14558106228246,
  "rpve_wm": 11.518562122010024,
  "size_x": 204,
  "size_y": 256,
  "size_z": 256,
  "snr_csf": 7.430029661499909,
  "snr_gm": 2.191825960517554,
  "snr_total": 6.515932484636672,
  "snr_wm": 9.925941831892553,
  "snrd_csf": 73.77926170512711,
  "snrd_gm": 98.6358727491208,
  "snrd_total": 70.65312885084009,
  "snrd_wm": 39.544252098272366,
  "spacing_x": 1.0,
  "spacing_y": 1.0,
  "spacing_z": 1.0,
  "summary_bg_k": 59.15303771743065,
  "summary_bg_mad": 0.0,
  "summary_bg_mean": 11.203169790544305,
  "summary_bg_median": 0.0,
  "summary_bg_n": 4040605.0,
  "summary_bg_p05": 0.0,
  "summary_bg_p95": 40.592358872294426,
  "summary_bg_stdv": 16.57264827615371,
  "summary_csf_k": 1.3588120172263212,
  "summary_csf_mad": 242.83664668800208,
  "summary_csf_mean": 1796.5127916058436,
  "summary_csf_median": 1866.3560051210225,
  "summary_csf_n": 252.0,
  "summary_csf_p05": 1406.0558444559574,
  "summary_csf_p95": 2050.3636801198127,
  "summary_csf_stdv": 250.69203242296587,
  "summary_gm_k": -1.0187635600838372,
  "summary_gm_mad": 693.1748800716653,
  "summary_gm_mean": 2016.8189262441156,
  "summary_gm_median": 2495.1408996395767,
  "summary_gm_n": 62136.0,
  "summary_gm_p05": 75.76358838379383,
  "summary_gm_p95": 3284.2292504701763,
  "summary_gm_stdv": 1138.3754305509701,
  "summary_wm_k": -0.0857239446584721,
  "summary_wm_mad": 102.03549917344507,
  "summary_wm_mean": 1003.38936738458,
  "summary_wm_median": 1000.3305897340178,
  "summary_wm_n": 410388.0,
  "summary_wm_p05": 843.051726937294,
  "summary_wm_p95": 1174.4678426161408,
  "summary_wm_stdv": 100.77929005761231,
  "tpm_overlap_csf": 0.09665373103702275,
  "tpm_overlap_gm": 0.1264465833457893,
  "tpm_overlap_wm": 0.43421670080447333,
  "wm2max": 0.29955851200728556
}