{
  "aor": 0.016769899497487434,
  "aqi": 0.00392983351758794,
  "bids_meta": {
    "AcquisitionMatrixPE": 64,
    "AcquisitionNumber": 1,
    "AcquisitionTime": "14:49:3.000000",
    "BodyPartExamined": "BRAIN",
    "CoilString": "32Ch Head",
    "ConversionSoftware": "dcm2niix",
    "ConversionSoftwareVersion": "v1.0.20211006",
    "Dcm2bidsVersion": "2.1.6",
    "DeviceSerialNumber": "000301496MR3T6MR",
    "EchoTime": 0.0169,
    "EffectiveEchoSpacing": 0.000416,
    "FlipAngle": 90,
    "ImageOrientationPatientDICOM": [
      1,
      0,
      0,
      0,
      1,
      0
    ],
    "ImageType": [
      "ORIGINAL",
      "PRIMARY",
      "OTHER"
    ],
    "ImagingFrequency": 127.697,
    "InPlanePhaseEncodingDirectionDICOM": "COL",
    "InstitutionName": "NIH FMRIF",
    "InternalPulseSequenceName": "EPI",
    "MRAcquisitionType": "2D",
    "MagneticFieldStrength": 3,
    "Manufacturer": "GE",
    "ManufacturersModelName": "DISCOVERY MR750",
    "Modality": "MR",
    "PatientPosition": "HFS",
    "PercentPhaseFOV": 100,
    "PercentSampling": 100,
    "PhaseEncodingDirection": "j",
    "PhaseEncodingPolarityGE": "Flipped",
    "PixelBandwidth": 7812.5,
    "ProcedureStepDescription": "MRI Brain",
    "ProtocolName": "ADNI3 FMRIF Enhanced Pro",
    "PulseSequenceName": "epi",
    "ReconMatrixPE": 64,
    "RepetitionTime": 3,
    "SAR": 0.154169,
    "ScanOptions": "MP_GEMS\\EPI_GEMS\\PFF",
    "ScanningSequence": "EP\\GR",
    "SequenceVariant": "SS",
    "SeriesDescription": "Axial rsfMRI with Eyes Open - RKV",
    "SeriesNumber": 10,
    "SliceThickness": 3.4,
    "SliceTiming": [
      0,
      1.5,
      0.0625,
      1.5625,
      0.125,
      1.625,
      0.1875,
      1.6875,
      0.25,
      1.75,
      0.3125,
      1.8125,
      0.375,
      1.875,
      0.4375,
      1.9375,
      0.5,
      2,
      0.5625,
      2.0625,
      0.625,
      2.125,
      0.6875,
      2.1875,
      0.75,
      2.25,
      0.8125,
      2.3125,
      0.875,
      2.375,
      0.9375,
      2.4375,
      1,
      2.5,
      1.0625,
      2.5625,
      1.125,
      2.625,
      1.1875,
      2.6875,
      1.25,
      2.75,
      1.3125,
      2.8125,
      1.375,
      2.875,
      1.4375,
      2.9375
    ],
    "SoftwareVersions": "27\\LX\\MR Software release:DV26.0_R03_1831.b",
    "SpacingBetweenSlices": 3.4,
    "StationName": "FMRI3tb",
    "TaskName": "Resting state with eyes open.",
    "TotalReadoutTime": 0.026208,
    "TriggerDelayTime": 599938,
    "dataset": "ds004215",
    "modality": "bold",
    "session_id": "01",
    "subject_id": "ON39099",
    "task_id": "rest"
  },
  "dummy_trs": 1,
  "dvars_nstd": 12.17849102424243,
  "dvars_std": 1.265269310606061,
  "dvars_vstd": 1.091652692222222,
  "efc": 0.5007545902084444,
  "fber": 3627.505126953125,
  "fd_mean": 0.10193041575628092,
  "fd_num": 21,
  "fd_perc": 10.552763819095478,
  "fwhm_avg": 2.693230416054487,
  "fwhm_x": 2.511106909090909,
  "fwhm_y": 2.5546705454545453,
  "fwhm_z": 3.013913793618007,
  "gcor": 0.0337771,
  "gsr_x": 0.009118652902543545,
  "gsr_y": 0.07296816259622574,
  "provenance": {
    "md5sum": "cf708919f6379561c237f372bf9fe5e6",
    "settings": {
      "fd_thres": 0.2,
      "testing": false
    },
    "software": "mriqc",
    "version": "22.0.6",
    "webapi_port": null,
    "webapi_url": "https://mriqc.nimh.nih.gov/api/v1"
  },
  "size_t": 199,
  "size_x": 64,
  "size_y": 64,
  "size_z": 48,
  "snr": 3.9659854038666738,
  "spacing_tr": 3.0,
  "spacing_x": 3.4375,
  "spacing_y": 3.4375,
  "spacing_z": 3.3999977111816406,
  "summary_bg_k": 13.528552269761903,
  "summary_bg_mad": 24.80564952146151,
  "summary_bg_mean": 193.61572265625,
  "summary_bg_median": 41.432159423828125,
  "summary_bg_n": 128020.0,
  "summary_bg_p05": 13.552512645721439,
  "summary_bg_p95": 1105.5138305664059,
  "summary_bg_stdv": 390.25146484375,
  "summary_fg_k": 1.2160593630403955,
  "summary_fg_mad": 579.7608110363345,
  "summary_fg_mean": 2573.37353515625,
  "summary_fg_median": 2504.2939453125,
  "summary_fg_n": 28732.0,
  "summary_fg_p05": 1663.451727294922,
  "summary_fg_p95": 3679.7584472656226,
  "summary_fg_stdv": 631.4320678710938,
  "tsnr": 80.17979074129835
}