{
  "aor": 0.03472222222222223,
  "aqi": 0.0014629886666666667,
  "bids_meta": {
    "AcquisitionMatrixPE": 64,
    "AcquisitionNumber": 1,
    "AcquisitionTime": "11:38:30.000000",
    "BodyPartExamined": "BRAIN",
    "CoilString": "32Ch Head",
    "ConversionSoftware": "dcm2niix",
    "ConversionSoftwareVersion": "v1.0.20211006",
    "Dcm2bidsVersion": "2.1.6",
    "DeviceSerialNumber": "000301496mr3T5mr",
    "EchoTime": 0.0169,
    "EffectiveEchoSpacing": 0.000416,
    "FlipAngle": 90,
    "ImageOrientationPatientDICOM": [
      1,
      0,
      0,
      0,
      1,
      0
    ],
    "ImageType": [
      "ORIGINAL",
      "PRIMARY",
      "OTHER"
    ],
    "ImagingFrequency": 127.824,
    "InPlanePhaseEncodingDirectionDICOM": "COL",
    "InstitutionName": "NIH FMRIF",
    "InternalPulseSequenceName": "EPI",
    "MRAcquisitionType": "2D",
    "MagneticFieldStrength": 3,
    "Manufacturer": "GE",
    "ManufacturersModelName": "DISCOVERY MR750",
    "Modality": "MR",
    "PatientPosition": "HFS",
    "PercentPhaseFOV": 100,
    "PercentSampling": 100,
    "PhaseEncodingDirection": "j",
    "PhaseEncodingPolarityGE": "Flipped",
    "PixelBandwidth": 7812.5,
    "ProcedureStepDescription": "MRI Brain",
    "ProtocolName": "ADNI3 FMRIF Enhanced Pro",
    "PulseSequenceName": "epi",
    "ReconMatrixPE": 64,
    "RepetitionTime": 3,
    "SAR": 0.213359,
    "ScanOptions": "MP_GEMS\\EPI_GEMS\\PFF",
    "ScanningSequence": "EP\\GR",
    "SequenceVariant": "SS",
    "SeriesDescription": "Axial rsfMRI reverse blip - RKV",
    "SeriesNumber": 11,
    "SliceThickness": 3.4,
    "SliceTiming": [
      0,
      1.5,
      0.0625,
      1.5625,
      0.125,
      1.625,
      0.1875,
      1.6875,
      0.25,
      1.75,
      0.3125,
      1.8125,
      0.375,
      1.875,
      0.4375,
      1.9375,
      0.5,
      2,
      0.5625,
      2.0625,
      0.625,
      2.125,
      0.6875,
      2.1875,
      0.75,
      2.25,
      0.8125,
      2.3125,
      0.875,
      2.375,
      0.9375,
      2.4375,
      1,
      2.5,
      1.0625,
      2.5625,
      1.125,
      2.625,
      1.1875,
      2.6875,
      1.25,
      2.75,
      1.3125,
      2.8125,
      1.375,
      2.875,
      1.4375,
      2.9375
    ],
    "SoftwareVersions": "27\\LX\\MR Software release:DV26.0_R03_1831.b",
    "SpacingBetweenSlices": 3.4,
    "StationName": "FMRI3ta",
    "TaskName": "Resting state with reverse blip.",
    "TotalReadoutTime": 0.026208,
    "TriggerDelayTime": 29938,
    "dataset": "ds004215",
    "modality": "bold",
    "session_id": "01",
    "subject_id": "ON84896",
    "task_id": "rest"
  },
  "dummy_trs": 1,
  "dvars_nstd": 15.3640617125,
  "dvars_std": 1.4218101937499998,
  "dvars_vstd": 1.3177912237499998,
  "efc": 0.4894118617605931,
  "fber": 3718.473388671875,
  "fd_mean": 0.07900893379608118,
  "fd_num": 0,
  "fd_perc": 0.0,
  "fwhm_avg": 2.661263596431685,
  "fwhm_x": 2.5732043636363637,
  "fwhm_y": 2.4904756363636364,
  "fwhm_z": 2.9201107892950544,
  "gcor": 0.0620555,
  "gsr_x": 0.003071425249800086,
  "gsr_y": 0.06883350014686584,
  "provenance": {
    "md5sum": "3c74dfa33646e2026a0226d91185549a",
    "settings": {
      "fd_thres": 0.2,
      "testing": false
    },
    "software": "mriqc",
    "version": "22.0.6",
    "webapi_port": null,
    "webapi_url": "https://mriqc.nimh.nih.gov/api/v1"
  },
  "size_t": 9,
  "size_x": 64,
  "size_y": 64,
  "size_z": 48,
  "snr": 4.272749549402659,
  "spacing_tr": 3.0,
  "spacing_x": 3.4375,
  "spacing_y": 3.4375,
  "spacing_z": 3.3999977111816406,
  "summary_bg_k": 15.066570142035786,
  "summary_bg_mad": 16.80282325783728,
  "summary_bg_mean": 173.86822509765625,
  "summary_bg_median": 39.11111068725586,
  "summary_bg_n": 133155.0,
  "summary_bg_p05": 24.55555534362793,
  "summary_bg_p95": 866.1111450195312,
  "summary_bg_stdv": 317.9261779785156,
  "summary_fg_k": 1.7013174785762084,
  "summary_fg_mad": 483.9870966795255,
  "summary_fg_mean": 2407.062255859375,
  "summary_fg_median": 2343.5556640625,
  "summary_fg_n": 26906.0,
  "summary_fg_p05": 1608.111083984375,
  "summary_fg_p95": 3365.3889770507812,
  "summary_fg_stdv": 548.4786987304688,
  "tsnr": 155.21243001520634
}