{
  "bids_meta": {
    "AcquisitionMatrixPE": 256,
    "AcquisitionNumber": 1,
    "AcquisitionTime": "15:45:40.000000",
    "BodyPartExamined": "BRAIN",
    "CoilString": "32Ch Head",
    "ConversionSoftware": "dcm2niix",
    "ConversionSoftwareVersion": "v1.0.20211006",
    "Dcm2bidsVersion": "2.1.6",
    "DeviceSerialNumber": "000301496MR3T6MR",
    "EchoTime": 0.066833,
    "EchoTrainLength": 140,
    "FlipAngle": 90,
    "ImageOrientationPatientDICOM": [
      0,
      1,
      0,
      0,
      0,
      -1
    ],
    "ImageType": [
      "ORIGINAL",
      "PRIMARY",
      "OTHER"
    ],
    "ImagingFrequency": 127.697,
    "InPlanePhaseEncodingDirectionDICOM": "ROW",
    "InstitutionName": "NIH FMRIF",
    "MRAcquisitionType": "3D",
    "MagneticFieldStrength": 3,
    "Manufacturer": "GE",
    "ManufacturersModelName": "DISCOVERY MR750",
    "Modality": "MR",
    "ParallelReductionFactorInPlane": 2,
    "ParallelReductionOutOfPlane": 1.5,
    "PatientPosition": "HFS",
    "PercentPhaseFOV": 100,
    "PercentSampling": 100,
    "PhaseEncodingAxis": "i",
    "PixelBandwidth": 244.141,
    "ProcedureStepDescription": "MRI Brain",
    "ProtocolName": "ADNI3 FMRIF Enhanced Pro",
    "ReconMatrixPE": 256,
    "RepetitionTime": 3.202,
    "SAR": 0.5031,
    "ScanOptions": "SAT_GEMS\\EDR_GEMS\\PROMO_GEMS\\ACC_GEMS\\FS\\FR_GEMS",
    "ScanningSequence": "RM",
    "SequenceVariant": "NONE",
    "SeriesDescription": "Sag_CUBE_T2",
    "SeriesNumber": 7,
    "SliceThickness": 1,
    "SoftwareVersions": "27\\LX\\MR Software release:DV26.0_EB_1707.b",
    "SpacingBetweenSlices": 1,
    "StationName": "fmrif3tb",
    "acq_id": "CUBE",
    "dataset": "ds004215",
    "modality": "T2w",
    "session_id": "01",
    "subject_id": "ON23483"
  },
  "cjv": 6.34493653253595,
  "cnr": 0.20246336754416075,
  "efc": 0.35966393334718905,
  "fber": -1.0,
  "fwhm_avg": 2.3430899999999997,
  "fwhm_x": 2.014,
  "fwhm_y": 2.61305,
  "fwhm_z": 2.40222,
  "icvs_csf": 0.315707917388036,
  "icvs_gm": 0.49347705309116613,
  "icvs_wm": 0.19081502952079785,
  "inu_med": 0.9116946458816528,
  "inu_range": 0.5406948208808897,
  "provenance": {
    "md5sum": "2078e78652b1c33aea86c57cd7d8884e",
    "settings": {
      "testing": false
    },
    "software": "mriqc",
    "version": "22.0.6",
    "warnings": {
      "large_rot_frame": true,
      "small_air_mask": false
    },
    "webapi_port": null,
    "webapi_url": "https://mriqc.nimh.nih.gov/api/v1"
  },
  "qi_1": 0.0,
  "qi_2": 0.017503349355721787,
  "rpve_csf": 19.751135800552827,
  "rpve_gm": 15.236730406127641,
  "rpve_wm": 40.387158891011644,
  "size_x": 204,
  "size_y": 256,
  "size_z": 256,
  "snr_csf": 11.558806389200765,
  "snr_gm": 11.485075507681572,
  "snr_total": 7.98162837256866,
  "snr_wm": 0.901003220823645,
  "snrd_csf": 105.53228807627593,
  "snrd_gm": 70.92912598038964,
  "snrd_total": 89.33257245144735,
  "snrd_wm": 91.53630329767647,
  "spacing_x": 1.0,
  "spacing_y": 1.0,
  "spacing_z": 1.0,
  "summary_bg_k": 36.6515937003587,
  "summary_bg_mad": 0.0,
  "summary_bg_mean": 4.890295717440181,
  "summary_bg_median": 0.0,
  "summary_bg_n": 4004901.0,
  "summary_bg_p05": 0.0,
  "summary_bg_p95": 16.817661590874195,
  "summary_bg_stdv": 7.187305876390335,
  "summary_csf_k": 0.7841035294405434,
  "summary_csf_mad": 92.78808255856734,
  "summary_csf_mean": 1164.5110916512938,
  "summary_csf_median": 1157.7632295191288,
  "summary_csf_n": 22723.0,
  "summary_csf_p05": 1013.0167922973633,
  "summary_csf_p95": 1340.0968800611793,
  "summary_csf_stdv": 100.16066665326609,
  "summary_gm_k": 0.10572389247663638,
  "summary_gm_mad": 68.54893287188669,
  "summary_gm_mean": 779.6959307081135,
  "summary_gm_median": 778.1422677263618,
  "summary_gm_n": 187665.0,
  "summary_gm_p05": 671.0923846587539,
  "summary_gm_p95": 891.0236619338393,
  "summary_gm_stdv": 67.7522924408763,
  "summary_wm_k": -1.5649748607871186,
  "summary_wm_mad": 1365.8838043188773,
  "summary_wm_mean": 1276.410658038821,
  "summary_wm_median": 1004.2174585238099,
  "summary_wm_n": 44085.0,
  "summary_wm_p05": 47.64136333018541,
  "summary_wm_p95": 3043.132434689998,
  "summary_wm_stdv": 1114.5421522264514,
  "tpm_overlap_csf": 0.10755528763625143,
  "tpm_overlap_gm": 0.3172531512947954,
  "tpm_overlap_wm": 0.034359521614661416,
  "wm2max": 0.3448808793030019
}