{
  "bids_meta": {
    "AcquisitionMatrixPE": 256,
    "AcquisitionNumber": 1,
    "AcquisitionTime": "15:22:10.000000",
    "BodyPartExamined": "BRAIN",
    "CoilString": "32Ch Head",
    "ConversionSoftware": "dcm2niix",
    "ConversionSoftwareVersion": "v1.0.20211006",
    "Dcm2bidsVersion": "2.1.6",
    "DeviceSerialNumber": "000301496MR3T6MR",
    "EchoTime": 0.003036,
    "FlipAngle": 11,
    "ImageOrientationPatientDICOM": [
      0,
      1,
      0,
      0,
      0,
      -1
    ],
    "ImageType": [
      "ORIGINAL",
      "PRIMARY",
      "OTHER"
    ],
    "ImagingFrequency": 127.697,
    "InPlanePhaseEncodingDirectionDICOM": "ROW",
    "InstitutionName": "NIH FMRIF",
    "InversionTime": 0.4,
    "MRAcquisitionType": "3D",
    "MagneticFieldStrength": 3,
    "Manufacturer": "GE",
    "ManufacturersModelName": "DISCOVERY MR750",
    "Modality": "MR",
    "ParallelReductionFactorInPlane": 1.72974,
    "PatientPosition": "HFS",
    "PercentPhaseFOV": 100,
    "PercentSampling": 100,
    "PixelBandwidth": 244.141,
    "ProcedureStepDescription": "MRI Brain",
    "ProtocolName": "ADNI3 FMRIF Enhanced Pro",
    "ReconMatrixPE": 256,
    "RepetitionTime": 0.007348,
    "SAR": 0.165353,
    "ScanOptions": "FAST_GEMS\\EDR_GEMS\\FILTERED_GEMS\\ACC_GEMS\\IR_GEMS",
    "ScanningSequence": "GR",
    "SequenceVariant": "SS\\SP\\SK",
    "SeriesDescription": "Accelerated Sagittal IR-FSPGR",
    "SeriesNumber": 3,
    "SliceThickness": 1.2,
    "SoftwareVersions": "27\\LX\\MR Software release:DV26.0_EB_1707.b",
    "SpacingBetweenSlices": 1.2,
    "SpoilingState": true,
    "StationName": "fmrif3tb",
    "acq_id": "FSPGR",
    "dataset": "ds004215",
    "modality": "T1w",
    "rec_id": "SCIC",
    "session_id": "01",
    "subject_id": "ON23483"
  },
  "cjv": 0.2770197138449311,
  "cnr": 4.760812105734168,
  "efc": 0.5264196617281224,
  "fber": -1.0,
  "fwhm_avg": 3.7510627139889903,
  "fwhm_x": 3.5538614430944704,
  "fwhm_y": 4.022774183854923,
  "fwhm_z": 3.6765525150175784,
  "icvs_csf": 0.2139101920508451,
  "icvs_gm": 0.45003810804587113,
  "icvs_wm": 0.33605169990328376,
  "inu_med": 0.4781264662742615,
  "inu_range": 0.09991507530212396,
  "provenance": {
    "md5sum": "1f25f2453b4012f45922eee434c832a3",
    "settings": {
      "testing": false
    },
    "software": "mriqc",
    "version": "22.0.6",
    "warnings": {
      "large_rot_frame": true,
      "small_air_mask": false
    },
    "webapi_port": null,
    "webapi_url": "https://mriqc.nimh.nih.gov/api/v1"
  },
  "qi_1": 0.0,
  "qi_2": 0.004822699190013315,
  "rpve_csf": 37.960850224790505,
  "rpve_gm": 19.35295476688813,
  "rpve_wm": 30.202029263317925,
  "size_x": 196,
  "size_y": 256,
  "size_z": 256,
  "snr_csf": 2.091221827847907,
  "snr_gm": 10.448708744459347,
  "snr_total": 12.843290997612911,
  "snr_wm": 25.989942420531477,
  "snrd_csf": 21.363049865043592,
  "snrd_gm": 57.763870736879056,
  "snrd_total": 55.997954198817844,
  "snrd_wm": 88.86694199453089,
  "spacing_x": 1.2000045776367188,
  "spacing_y": 1.0547000169754028,
  "spacing_z": 1.0547000169754028,
  "summary_bg_k": 17.281246167279928,
  "summary_bg_mad": 0.0,
  "summary_bg_mean": 4.416310319576412,
  "summary_bg_median": 0.0,
  "summary_bg_n": 1163571.0,
  "summary_bg_p05": 0.0,
  "summary_bg_p95": 18.042484063655138,
  "summary_bg_stdv": 7.371906269227937,
  "summary_csf_k": 0.23927169580104213,
  "summary_csf_mad": 104.7668332243427,
  "summary_csf_mean": 250.22128259213414,
  "summary_csf_median": 240.38719452917576,
  "summary_csf_n": 16255.0,
  "summary_csf_p05": 70.49475479833782,
  "summary_csf_p95": 459.30625302791594,
  "summary_csf_stdv": 114.94705963781892,
  "summary_gm_k": 0.22222084004454645,
  "summary_gm_mad": 60.71532990893225,
  "summary_gm_mean": 649.7396989844999,
  "summary_gm_median": 649.9865384064615,
  "summary_gm_n": 29768.0,
  "summary_gm_p05": 545.5686868946999,
  "summary_gm_p95": 749.7176462933421,
  "summary_gm_stdv": 62.20631052822689,
  "summary_wm_k": 0.3987321035879985,
  "summary_wm_mad": 36.237842998830864,
  "summary_wm_mean": 998.4369255733528,
  "summary_wm_median": 999.9730847142637,
  "summary_wm_n": 135558.0,
  "summary_wm_p05": 932.8313817232847,
  "summary_wm_p95": 1059.6934380754828,
  "summary_wm_stdv": 38.47524477617568,
  "tpm_overlap_csf": 0.16026198652639229,
  "tpm_overlap_gm": 0.4917929201100078,
  "tpm_overlap_wm": 0.5263148489398287,
  "wm2max": 0.619822115936101
}