{
  "aor": 0.038130000000000004,
  "aqi": 0.00179371,
  "bids_meta": {
    "AcquisitionMatrixPE": 64,
    "AcquisitionNumber": 1,
    "AcquisitionTime": "16:01:2.000000",
    "BodyPartExamined": "BRAIN",
    "CoilString": "32Ch Head",
    "ConversionSoftware": "dcm2niix",
    "ConversionSoftwareVersion": "v1.0.20211006",
    "Dcm2bidsVersion": "2.1.6",
    "DeviceSerialNumber": "000301496MR3T6MR",
    "EchoTime": 0.0169,
    "EffectiveEchoSpacing": 0.000416,
    "FlipAngle": 90,
    "ImageOrientationPatientDICOM": [
      1,
      0,
      0,
      0,
      1,
      0
    ],
    "ImageType": [
      "ORIGINAL",
      "PRIMARY",
      "OTHER"
    ],
    "ImagingFrequency": 127.696,
    "InPlanePhaseEncodingDirectionDICOM": "COL",
    "InstitutionName": "NIH FMRIF",
    "InternalPulseSequenceName": "EPI",
    "MRAcquisitionType": "2D",
    "MagneticFieldStrength": 3,
    "Manufacturer": "GE",
    "ManufacturersModelName": "DISCOVERY MR750",
    "Modality": "MR",
    "PatientPosition": "HFS",
    "PercentPhaseFOV": 100,
    "PercentSampling": 100,
    "PhaseEncodingDirection": "j",
    "PhaseEncodingPolarityGE": "Flipped",
    "PixelBandwidth": 7812.5,
    "ProcedureStepDescription": "MRI Brain",
    "ProtocolName": "ADNI3 FMRIF Enhanced Pro",
    "PulseSequenceName": "epi",
    "ReconMatrixPE": 64,
    "RepetitionTime": 3,
    "SAR": 0.177836,
    "ScanOptions": "MP_GEMS\\EPI_GEMS\\PFF",
    "ScanningSequence": "EP\\GR",
    "SequenceVariant": "SS",
    "SeriesDescription": "Axial rsfMRI reverse blip - RKV",
    "SeriesNumber": 11,
    "SliceThickness": 3.4,
    "SliceTiming": [
      0,
      1.5,
      0.0625,
      1.5625,
      0.125,
      1.625,
      0.1875,
      1.6875,
      0.25,
      1.75,
      0.3125,
      1.8125,
      0.375,
      1.875,
      0.4375,
      1.9375,
      0.5,
      2,
      0.5625,
      2.0625,
      0.625,
      2.125,
      0.6875,
      2.1875,
      0.75,
      2.25,
      0.8125,
      2.3125,
      0.875,
      2.375,
      0.9375,
      2.4375,
      1,
      2.5,
      1.0625,
      2.5625,
      1.125,
      2.625,
      1.1875,
      2.6875,
      1.25,
      2.75,
      1.3125,
      2.8125,
      1.375,
      2.875,
      1.4375,
      2.9375
    ],
    "SoftwareVersions": "27\\LX\\MR Software release:DV26.0_R03_1831.b",
    "SpacingBetweenSlices": 3.4,
    "StationName": "FMRI3tb",
    "TaskName": "Resting state with reverse blip.",
    "TotalReadoutTime": 0.026208,
    "TriggerDelayTime": 29938,
    "dataset": "ds004215",
    "modality": "bold",
    "session_id": "01",
    "subject_id": "ON85981",
    "task_id": "rest"
  },
  "dummy_trs": 1,
  "dvars_nstd": 18.6433396325,
  "dvars_std": 1.4630829850000002,
  "dvars_vstd": 1.4140764487499997,
  "efc": 0.528017992344148,
  "fber": 2545.19091796875,
  "fd_mean": 0.22698537724511736,
  "fd_num": 4,
  "fd_perc": 44.44444444444444,
  "fwhm_avg": 2.778413930512022,
  "fwhm_x": 2.419138909090909,
  "fwhm_y": 2.663339636363636,
  "fwhm_z": 3.252763246081522,
  "gcor": 0.0170328,
  "gsr_x": 0.03735965117812157,
  "gsr_y": 0.035401228815317154,
  "provenance": {
    "md5sum": "2aba636fe602d7cd365f925ec643c835",
    "settings": {
      "fd_thres": 0.2,
      "testing": false
    },
    "software": "mriqc",
    "version": "22.0.6",
    "webapi_port": null,
    "webapi_url": "https://mriqc.nimh.nih.gov/api/v1"
  },
  "size_t": 9,
  "size_x": 64,
  "size_y": 64,
  "size_z": 48,
  "snr": 3.9233895472736195,
  "spacing_tr": 3.0,
  "spacing_x": 3.4375,
  "spacing_y": 3.4375,
  "spacing_z": 3.4000015258789062,
  "summary_bg_k": 24.934572252325072,
  "summary_bg_mad": 30.969907981513792,
  "summary_bg_mean": 200.57884216308594,
  "summary_bg_median": 50.55555725097656,
  "summary_bg_n": 120264.0,
  "summary_bg_p05": 23.22222328186035,
  "summary_bg_p95": 1018.4444580078125,
  "summary_bg_stdv": 376.1297302246094,
  "summary_fg_k": 0.5065305602841148,
  "summary_fg_mad": 615.4449760049318,
  "summary_fg_mean": 2608.911376953125,
  "summary_fg_median": 2548.333251953125,
  "summary_fg_n": 33027.0,
  "summary_fg_p05": 1653.6666259765625,
  "summary_fg_p95": 3746.077758789062,
  "summary_fg_stdv": 649.5135498046875,
  "tsnr": 131.75222332309932
}