{
  "aor": 0.003412663316582915,
  "aqi": 0.0035360862814070343,
  "bids_meta": {
    "AcquisitionMatrixPE": 64,
    "AcquisitionNumber": 1,
    "AcquisitionTime": "15:50:12.000000",
    "BodyPartExamined": "BRAIN",
    "CoilString": "32Ch Head",
    "ConversionSoftware": "dcm2niix",
    "ConversionSoftwareVersion": "v1.0.20211006",
    "Dcm2bidsVersion": "2.1.6",
    "DeviceSerialNumber": "000301496MR3T6MR",
    "EchoTime": 0.0169,
    "EffectiveEchoSpacing": 0.000416,
    "FlipAngle": 90,
    "ImageOrientationPatientDICOM": [
      1,
      0,
      0,
      0,
      1,
      0
    ],
    "ImageType": [
      "ORIGINAL",
      "PRIMARY",
      "OTHER"
    ],
    "ImagingFrequency": 127.696,
    "InPlanePhaseEncodingDirectionDICOM": "COL",
    "InstitutionName": "NIH FMRIF",
    "InternalPulseSequenceName": "EPI",
    "MRAcquisitionType": "2D",
    "MagneticFieldStrength": 3,
    "Manufacturer": "GE",
    "ManufacturersModelName": "DISCOVERY MR750",
    "Modality": "MR",
    "PatientPosition": "HFS",
    "PercentPhaseFOV": 100,
    "PercentSampling": 100,
    "PhaseEncodingDirection": "j",
    "PhaseEncodingPolarityGE": "Flipped",
    "PixelBandwidth": 7812.5,
    "ProcedureStepDescription": "MRI Brain",
    "ProtocolName": "ADNI3 FMRIF Enhanced Pro",
    "PulseSequenceName": "epi",
    "ReconMatrixPE": 64,
    "RepetitionTime": 3,
    "SAR": 0.178063,
    "ScanOptions": "MP_GEMS\\EPI_GEMS\\PFF",
    "ScanningSequence": "EP\\GR",
    "SequenceVariant": "SS",
    "SeriesDescription": "Axial rsfMRI with Eyes Open - RKV",
    "SeriesNumber": 10,
    "SliceThickness": 3.4,
    "SliceTiming": [
      0,
      1.5,
      0.0625,
      1.5625,
      0.125,
      1.625,
      0.1875,
      1.6875,
      0.25,
      1.75,
      0.3125,
      1.8125,
      0.375,
      1.875,
      0.4375,
      1.9375,
      0.5,
      2,
      0.5625,
      2.0625,
      0.625,
      2.125,
      0.6875,
      2.1875,
      0.75,
      2.25,
      0.8125,
      2.3125,
      0.875,
      2.375,
      0.9375,
      2.4375,
      1,
      2.5,
      1.0625,
      2.5625,
      1.125,
      2.625,
      1.1875,
      2.6875,
      1.25,
      2.75,
      1.3125,
      2.8125,
      1.375,
      2.875,
      1.4375,
      2.9375
    ],
    "SoftwareVersions": "27\\LX\\MR Software release:DV26.0_R03_1831.b",
    "SpacingBetweenSlices": 3.4,
    "StationName": "FMRI3tb",
    "TaskName": "Resting state with eyes open.",
    "TotalReadoutTime": 0.026208,
    "TriggerDelayTime": 599938,
    "dataset": "ds004215",
    "modality": "bold",
    "session_id": "01",
    "subject_id": "ON85981",
    "task_id": "rest"
  },
  "dummy_trs": 1,
  "dvars_nstd": 18.276890769292933,
  "dvars_std": 1.3093897557575753,
  "dvars_vstd": 0.9809330931313133,
  "efc": 0.5283933744579822,
  "fber": 2420.7646484375,
  "fd_mean": 0.1381962953283742,
  "fd_num": 30,
  "fd_perc": 15.075376884422111,
  "fwhm_avg": 2.769947095212693,
  "fwhm_x": 2.439589818181818,
  "fwhm_y": 2.634135272727273,
  "fwhm_z": 3.2361161947289885,
  "gcor": 0.039459,
  "gsr_x": 0.040146421641111374,
  "gsr_y": 0.03477877005934715,
  "provenance": {
    "md5sum": "ded414f73ce89eff6db8a628483c474b",
    "settings": {
      "fd_thres": 0.2,
      "testing": false
    },
    "software": "mriqc",
    "version": "22.0.6",
    "webapi_port": null,
    "webapi_url": "https://mriqc.nimh.nih.gov/api/v1"
  },
  "size_t": 199,
  "size_x": 64,
  "size_y": 64,
  "size_z": 48,
  "snr": 3.9805183052605058,
  "spacing_tr": 3.0,
  "spacing_x": 3.4375,
  "spacing_y": 3.4375,
  "spacing_z": 3.4000015258789062,
  "summary_bg_k": 22.395593145064232,
  "summary_bg_mad": 31.57793585171487,
  "summary_bg_mean": 201.51742553710938,
  "summary_bg_median": 51.59547424316406,
  "summary_bg_n": 120698.0,
  "summary_bg_p05": 24.747989463806153,
  "summary_bg_p95": 1015.585153198241,
  "summary_bg_stdv": 375.2094421386719,
  "summary_fg_k": 0.4637369326437981,
  "summary_fg_mad": 609.0588551697037,
  "summary_fg_mean": 2608.113525390625,
  "summary_fg_median": 2546.0703125,
  "summary_fg_n": 32791.0,
  "summary_fg_p05": 1668.6004638671875,
  "summary_fg_p95": 3733.527587890625,
  "summary_fg_stdv": 639.6231079101562,
  "tsnr": 89.6282097324729
}