{
  "bids_meta": {
    "AcquisitionMatrixPE": 256,
    "AcquisitionNumber": 1,
    "AcquisitionTime": "14:17:46.000000",
    "BodyPartExamined": "BRAIN",
    "CoilString": "32Ch Head",
    "ConversionSoftware": "dcm2niix",
    "ConversionSoftwareVersion": "v1.0.20211006",
    "Dcm2bidsVersion": "2.1.6",
    "DeviceSerialNumber": "000301496MR3T6MR",
    "EchoTime": 0.065753,
    "EchoTrainLength": 140,
    "FlipAngle": 90,
    "ImageOrientationPatientDICOM": [
      0,
      1,
      0,
      0,
      0,
      -1
    ],
    "ImageType": [
      "ORIGINAL",
      "PRIMARY",
      "OTHER"
    ],
    "ImagingFrequency": 127.697,
    "InPlanePhaseEncodingDirectionDICOM": "ROW",
    "InstitutionName": "NIH FMRIF",
    "MRAcquisitionType": "3D",
    "MagneticFieldStrength": 3,
    "Manufacturer": "GE",
    "ManufacturersModelName": "DISCOVERY MR750",
    "Modality": "MR",
    "ParallelReductionFactorInPlane": 2,
    "ParallelReductionOutOfPlane": 1.5,
    "PatientPosition": "HFS",
    "PercentPhaseFOV": 100,
    "PercentSampling": 100,
    "PhaseEncodingAxis": "i",
    "PixelBandwidth": 244.141,
    "ProcedureStepDescription": "MRI Brain",
    "ProtocolName": "ADNI3 FMRIF Enhanced Pro",
    "ReconMatrixPE": 256,
    "RepetitionTime": 3.202,
    "SAR": 0.4599,
    "ScanOptions": "SAT_GEMS\\EDR_GEMS\\PROMO_GEMS\\ACC_GEMS\\FS\\FR_GEMS",
    "ScanningSequence": "RM",
    "SequenceVariant": "NONE",
    "SeriesDescription": "Sag_CUBE_T2",
    "SeriesNumber": 6,
    "SliceThickness": 1,
    "SoftwareVersions": "27\\LX\\MR Software release:DV26.0_R01_1725.a",
    "SpacingBetweenSlices": 1,
    "StationName": "fmrif3tb",
    "acq_id": "CUBE",
    "dataset": "ds004215",
    "modality": "T2w",
    "session_id": "01",
    "subject_id": "ON78603"
  },
  "cjv": 0.27576353492262246,
  "cnr": 4.187034359766285,
  "efc": 0.39396647473723356,
  "fber": 5178.6680384087795,
  "fwhm_avg": 2.407035899276186,
  "fwhm_x": 2.0578376978285577,
  "fwhm_y": 2.57245,
  "fwhm_z": 2.59082,
  "icvs_csf": 0.24201189690512406,
  "icvs_gm": 0.6874529375507119,
  "icvs_wm": 0.07053516554416403,
  "inu_med": 0.8056354522705078,
  "inu_range": 0.3836793899536133,
  "provenance": {
    "md5sum": "4802c8f4f37a8316d95cde56727832e1",
    "settings": {
      "testing": false
    },
    "software": "mriqc",
    "version": "22.0.6",
    "warnings": {
      "large_rot_frame": true,
      "small_air_mask": false
    },
    "webapi_port": null,
    "webapi_url": "https://mriqc.nimh.nih.gov/api/v1"
  },
  "qi_1": 0.0,
  "qi_2": 0.014050354851163587,
  "rpve_csf": 23.10684528416077,
  "rpve_gm": 11.191031706955162,
  "rpve_wm": 94.65535405382413,
  "size_x": 204,
  "size_y": 256,
  "size_z": 256,
  "snr_csf": 4.870188995814524,
  "snr_gm": 7.575506892224715,
  "snr_total": 4.465186574965176,
  "snr_wm": 0.9498638368562882,
  "snrd_csf": 93.37686779652941,
  "snrd_gm": 31.971648597745173,
  "snrd_total": 43.34298548640893,
  "snrd_wm": 4.680440064952174,
  "spacing_x": 1.0002975463867188,
  "spacing_y": 1.0,
  "spacing_z": 1.0,
  "summary_bg_k": 41.66130916252921,
  "summary_bg_mad": 140.10486021109878,
  "summary_bg_mean": 125.13825299671959,
  "summary_bg_median": 94.49929216504097,
  "summary_bg_n": 3373632.0,
  "summary_bg_p05": 0.0,
  "summary_bg_p95": 372.82556560635567,
  "summary_bg_stdv": 134.3094888113014,
  "summary_csf_k": 1.9200253780094059,
  "summary_csf_mad": 3063.8353883476852,
  "summary_csf_mean": 19774.820460129427,
  "summary_csf_median": 19969.204900816083,
  "summary_csf_n": 47964.0,
  "summary_csf_p05": 12458.932424215973,
  "summary_csf_p95": 26279.85352722555,
  "summary_csf_stdv": 4100.250883120755,
  "summary_gm_k": 0.23252477060871923,
  "summary_gm_mad": 881.7544684927361,
  "summary_gm_mean": 6928.707297045559,
  "summary_gm_median": 6837.329382866621,
  "summary_gm_n": 412625.0,
  "summary_gm_p05": 5606.4878560602665,
  "summary_gm_p95": 8557.592616856098,
  "summary_gm_stdv": 902.5562506870541,
  "summary_wm_k": 6.3987161856787935,
  "summary_wm_mad": 727.7088261710803,
  "summary_wm_mean": 1333.6192582373108,
  "summary_wm_median": 1000.9402637779713,
  "summary_wm_n": 15581.0,
  "summary_wm_p05": 303.243997246027,
  "summary_wm_p95": 3498.824538767338,
  "summary_wm_stdv": 1053.738550606731,
  "tpm_overlap_csf": 0.1574384217001394,
  "tpm_overlap_gm": 0.4124875315231288,
  "tpm_overlap_wm": 0.020972187655076118,
  "wm2max": 0.038319397614749263
}