{
  "bids_meta": {
    "AcquisitionMatrixPE": 256,
    "AcquisitionNumber": 1,
    "AcquisitionTime": "13:58:59.000000",
    "BodyPartExamined": "BRAIN",
    "CoilString": "32Ch Head",
    "ConversionSoftware": "dcm2niix",
    "ConversionSoftwareVersion": "v1.0.20211006",
    "Dcm2bidsVersion": "2.1.6",
    "DeviceSerialNumber": "000301496MR3T6MR",
    "EchoTime": 0.003036,
    "FlipAngle": 11,
    "ImageOrientationPatientDICOM": [
      0,
      1,
      0,
      0,
      0,
      -1
    ],
    "ImageType": [
      "ORIGINAL",
      "PRIMARY",
      "OTHER"
    ],
    "ImagingFrequency": 127.697,
    "InPlanePhaseEncodingDirectionDICOM": "ROW",
    "InstitutionName": "NIH FMRIF",
    "InversionTime": 0.4,
    "MRAcquisitionType": "3D",
    "MagneticFieldStrength": 3,
    "Manufacturer": "GE",
    "ManufacturersModelName": "DISCOVERY MR750",
    "Modality": "MR",
    "ParallelReductionFactorInPlane": 1.72974,
    "PatientPosition": "HFS",
    "PercentPhaseFOV": 100,
    "PercentSampling": 100,
    "PixelBandwidth": 244.141,
    "ProcedureStepDescription": "MRI Brain",
    "ProtocolName": "ADNI3 FMRIF Enhanced Pro",
    "ReconMatrixPE": 256,
    "RepetitionTime": 0.007348,
    "SAR": 0.161294,
    "ScanOptions": "FAST_GEMS\\EDR_GEMS\\FILTERED_GEMS\\ACC_GEMS\\IR_GEMS",
    "ScanningSequence": "GR",
    "SequenceVariant": "SS\\SP\\SK",
    "SeriesDescription": "Accelerated Sagittal IR-FSPGR",
    "SeriesNumber": 3,
    "SliceThickness": 1.2,
    "SoftwareVersions": "27\\LX\\MR Software release:DV26.0_R01_1725.a",
    "SpacingBetweenSlices": 1.2,
    "SpoilingState": true,
    "StationName": "fmrif3tb",
    "acq_id": "FSPGR",
    "dataset": "ds004215",
    "modality": "T1w",
    "rec_id": "SCIC",
    "session_id": "01",
    "subject_id": "ON78603"
  },
  "cjv": 0.3177106336826393,
  "cnr": 4.183759376350204,
  "efc": 0.5726123486033037,
  "fber": 15527.327032136107,
  "fwhm_avg": 3.5275031396631475,
  "fwhm_x": 3.3984003092455786,
  "fwhm_y": 3.634218202624141,
  "fwhm_z": 3.549890907119723,
  "icvs_csf": 0.2644687114574159,
  "icvs_gm": 0.42139307868430825,
  "icvs_wm": 0.31413820985827584,
  "inu_med": 0.5179981589317322,
  "inu_range": 0.09903469383716579,
  "provenance": {
    "md5sum": "ad78657fab04e94277dd7f028c435403",
    "settings": {
      "testing": false
    },
    "software": "mriqc",
    "version": "22.0.6",
    "warnings": {
      "large_rot_frame": true,
      "small_air_mask": false
    },
    "webapi_port": null,
    "webapi_url": "https://mriqc.nimh.nih.gov/api/v1"
  },
  "qi_1": 0.0,
  "qi_2": 0.005298193875980049,
  "rpve_csf": 29.995764602027545,
  "rpve_gm": 18.564048308389175,
  "rpve_wm": 29.381464591350294,
  "size_x": 196,
  "size_y": 256,
  "size_z": 256,
  "snr_csf": 2.159870779487626,
  "snr_gm": 9.647480805692696,
  "snr_total": 12.585442781343273,
  "snr_wm": 25.948976758849494,
  "snrd_csf": 17.308777401267772,
  "snrd_gm": 55.216321190761846,
  "snrd_total": 51.763374248625986,
  "snrd_wm": 82.76502415384834,
  "spacing_x": 1.1999969482421875,
  "spacing_y": 1.0547000169754028,
  "spacing_z": 1.0547000169754028,
  "summary_bg_k": 21.063808213613697,
  "summary_bg_mad": 0.0,
  "summary_bg_mean": 4.939271373542679,
  "summary_bg_median": 0.0,
  "summary_bg_n": 855055.0,
  "summary_bg_p05": 0.0,
  "summary_bg_p95": 19.699871957302094,
  "summary_bg_stdv": 7.915618895349161,
  "summary_csf_k": 0.9017876011140444,
  "summary_csf_mad": 88.47329183081715,
  "summary_csf_mean": 218.42912820056614,
  "summary_csf_median": 209.13154184818268,
  "summary_csf_n": 34195.0,
  "summary_csf_p05": 79.37420046329498,
  "summary_csf_p95": 401.5964173078537,
  "summary_csf_stdv": 96.82453500745494,
  "summary_gm_k": 0.16567978003539485,
  "summary_gm_mad": 68.54431598235593,
  "summary_gm_mean": 664.5347351905081,
  "summary_gm_median": 667.1455827355385,
  "summary_gm_n": 22199.0,
  "summary_gm_p05": 546.6123791277408,
  "summary_gm_p95": 773.5344698488711,
  "summary_gm_stdv": 69.15075235955632,
  "summary_wm_k": 0.31252901880000516,
  "summary_wm_mad": 37.20706654843353,
  "summary_wm_mean": 999.2495701182077,
  "summary_wm_median": 999.9999833106995,
  "summary_wm_n": 123573.0,
  "summary_wm_p05": 934.2911721467972,
  "summary_wm_p95": 1060.8237370848656,
  "summary_wm_stdv": 38.53700846875313,
  "tpm_overlap_csf": 0.15193004166619906,
  "tpm_overlap_gm": 0.45084873754566657,
  "tpm_overlap_wm": 0.49424386604979414,
  "wm2max": 0.5214785214785215
}