{
  "bids_meta": {
    "AcquisitionMatrixPE": 256,
    "AcquisitionNumber": 1,
    "AcquisitionTime": "15:39:35.000000",
    "BodyPartExamined": "BRAIN",
    "CoilString": "32Ch Head",
    "ConversionSoftware": "dcm2niix",
    "ConversionSoftwareVersion": "v1.0.20211006",
    "Dcm2bidsVersion": "2.1.6",
    "DeviceSerialNumber": "000301496MR3T6MR",
    "EchoTime": 0.066898,
    "EchoTrainLength": 140,
    "FlipAngle": 90,
    "ImageOrientationPatientDICOM": [
      0,
      1,
      0,
      0,
      0,
      -1
    ],
    "ImageType": [
      "ORIGINAL",
      "PRIMARY",
      "OTHER"
    ],
    "ImagingFrequency": 127.697,
    "InPlanePhaseEncodingDirectionDICOM": "ROW",
    "InstitutionName": "NIH FMRIF",
    "MRAcquisitionType": "3D",
    "MagneticFieldStrength": 3,
    "Manufacturer": "GE",
    "ManufacturersModelName": "DISCOVERY MR750",
    "Modality": "MR",
    "ParallelReductionFactorInPlane": 2,
    "ParallelReductionOutOfPlane": 1.5,
    "PatientPosition": "HFS",
    "PercentPhaseFOV": 100,
    "PercentSampling": 100,
    "PhaseEncodingAxis": "i",
    "PixelBandwidth": 244.141,
    "ProcedureStepDescription": "MRI Brain",
    "ProtocolName": "FMRIF - Clinical 32Ch Br",
    "ReconMatrixPE": 256,
    "RepetitionTime": 3.202,
    "SAR": 0.4241,
    "ScanOptions": "SAT_GEMS\\EDR_GEMS\\PROMO_GEMS\\ACC_GEMS\\FS\\FR_GEMS",
    "ScanningSequence": "RM",
    "SequenceVariant": "NONE",
    "SeriesDescription": "Sag_CUBE_T2",
    "SeriesNumber": 7,
    "SliceThickness": 1,
    "SoftwareVersions": "27\\LX\\MR Software release:DV26.0_R01_1725.a",
    "SpacingBetweenSlices": 1,
    "StationName": "fmrif3tb",
    "acq_id": "CUBE",
    "dataset": "ds004215",
    "modality": "T2w",
    "session_id": "01",
    "subject_id": "ON05258"
  },
  "cjv": 0.29457285457993077,
  "cnr": 0.5539274662818282,
  "efc": 0.38142665240268925,
  "fber": 4555.845817347341,
  "fwhm_avg": 2.4762833333333334,
  "fwhm_x": 2.11844,
  "fwhm_y": 2.67695,
  "fwhm_z": 2.63346,
  "icvs_csf": 0.21684194605961066,
  "icvs_gm": 0.6947247717226828,
  "icvs_wm": 0.0884332822177066,
  "inu_med": 0.8825758099555969,
  "inu_range": 0.40793681144714355,
  "provenance": {
    "md5sum": "30007a38554a4fac93b2b07eb167d4a6",
    "settings": {
      "testing": false
    },
    "software": "mriqc",
    "version": "22.0.6",
    "warnings": {
      "large_rot_frame": true,
      "small_air_mask": false
    },
    "webapi_port": null,
    "webapi_url": "https://mriqc.nimh.nih.gov/api/v1"
  },
  "qi_1": 0.0006631049948263654,
  "qi_2": 0.0012450857839847625,
  "rpve_csf": 27.00869393761993,
  "rpve_gm": 12.248098085031996,
  "rpve_wm": 88.41520413635129,
  "size_x": 204,
  "size_y": 256,
  "size_z": 256,
  "snr_csf": 6.482580975844214,
  "snr_gm": 8.249552946792363,
  "snr_total": 4.9455406554085055,
  "snr_wm": 0.10448804358893966,
  "snrd_csf": 107.83702106713226,
  "snrd_gm": 37.264544706029646,
  "snrd_total": 50.3326181641568,
  "snrd_wm": 5.896288719308488,
  "spacing_x": 1.0,
  "spacing_y": 1.0,
  "spacing_z": 1.0,
  "summary_bg_k": 87.701425373919,
  "summary_bg_mad": 111.26342963364168,
  "summary_bg_mean": 134.5275740299474,
  "summary_bg_median": 75.04604285955429,
  "summary_bg_n": 3708788.0,
  "summary_bg_p05": 0.0,
  "summary_bg_p95": 377.9926453232765,
  "summary_bg_stdv": 252.62557825540824,
  "summary_csf_k": 6.430939188357286,
  "summary_csf_mad": 1353.9325931185783,
  "summary_csf_mean": 17652.38828427948,
  "summary_csf_median": 18314.22709134221,
  "summary_csf_n": 24776.0,
  "summary_csf_p05": 11826.888030529022,
  "summary_csf_p95": 20667.24281860888,
  "summary_csf_stdv": 2825.0873471124964,
  "summary_gm_k": 0.19048447960374704,
  "summary_gm_mad": 747.4445119560592,
  "summary_gm_mean": 6406.1081998255095,
  "summary_gm_median": 6328.729479432106,
  "summary_gm_n": 391721.0,
  "summary_gm_p05": 5276.703663885593,
  "summary_gm_p95": 7791.897112607956,
  "summary_gm_stdv": 767.159316648694,
  "summary_wm_k": -0.08736881535349639,
  "summary_wm_mad": 821.8476642877582,
  "summary_wm_mean": 6091.220272525795,
  "summary_wm_median": 1001.3812467455864,
  "summary_wm_n": 18705.0,
  "summary_wm_p05": 289.5948525071144,
  "summary_wm_p95": 25479.835049951074,
  "summary_wm_stdv": 9583.436001392563,
  "tpm_overlap_csf": 0.13918078794845062,
  "tpm_overlap_gm": 0.4209827058347974,
  "tpm_overlap_wm": 0.015144909202580145,
  "wm2max": 0.041439362633261125
}