{
  "bids_meta": {
    "AcquisitionMatrixPE": 256,
    "AcquisitionNumber": 1,
    "AcquisitionTime": "15:56:56.000000",
    "BodyPartExamined": "BRAIN",
    "CoilString": "32Ch Head",
    "ConversionSoftware": "dcm2niix",
    "ConversionSoftwareVersion": "v1.0.20211006",
    "Dcm2bidsVersion": "2.1.6",
    "DeviceSerialNumber": "000301496MR3T6MR",
    "EchoTime": 0.065888,
    "EchoTrainLength": 140,
    "FlipAngle": 90,
    "ImageOrientationPatientDICOM": [
      0,
      1,
      0,
      0,
      0,
      -1
    ],
    "ImageType": [
      "ORIGINAL",
      "PRIMARY",
      "OTHER"
    ],
    "ImagingFrequency": 127.697,
    "InPlanePhaseEncodingDirectionDICOM": "ROW",
    "InstitutionName": "NIH FMRIF",
    "MRAcquisitionType": "3D",
    "MagneticFieldStrength": 3,
    "Manufacturer": "GE",
    "ManufacturersModelName": "DISCOVERY MR750",
    "Modality": "MR",
    "ParallelReductionFactorInPlane": 2,
    "ParallelReductionOutOfPlane": 1.5,
    "PatientPosition": "HFS",
    "PercentPhaseFOV": 100,
    "PercentSampling": 100,
    "PhaseEncodingAxis": "i",
    "PixelBandwidth": 244.141,
    "ProcedureStepDescription": "MRI Brain",
    "ProtocolName": "ADNI3 FMRIF Enhanced Pro",
    "ReconMatrixPE": 256,
    "RepetitionTime": 3.202,
    "SAR": 0.4476,
    "ScanOptions": "SAT_GEMS\\EDR_GEMS\\PROMO_GEMS\\ACC_GEMS\\FS\\FR_GEMS",
    "ScanningSequence": "RM",
    "SequenceVariant": "NONE",
    "SeriesDescription": "ORIG Anat T2w CUBE (ABCD)",
    "SeriesNumber": 40004,
    "SliceThickness": 1,
    "SoftwareVersions": "27\\LX\\MR Software release:DV26.0_R03_1831.b",
    "SpacingBetweenSlices": 1,
    "StationName": "FMRI3tb",
    "acq_id": "CUBE",
    "dataset": "ds004215",
    "modality": "T2w",
    "session_id": "01",
    "subject_id": "ON33159"
  },
  "cjv": 0.45180669901485204,
  "cnr": 1.388653356438578,
  "efc": 0.3848386548577535,
  "fber": 9618.189447714682,
  "fwhm_avg": 2.4468966666666665,
  "fwhm_x": 2.04163,
  "fwhm_y": 2.72523,
  "fwhm_z": 2.57383,
  "icvs_csf": 0.13743998935543758,
  "icvs_gm": 0.6654973976717585,
  "icvs_wm": 0.19706261297280395,
  "inu_med": 0.8467035293579102,
  "inu_range": 0.4815204441547394,
  "provenance": {
    "md5sum": "9c606341461b40ab1a09e37c61b9d955",
    "settings": {
      "testing": false
    },
    "software": "mriqc",
    "version": "22.0.6",
    "warnings": {
      "large_rot_frame": true,
      "small_air_mask": false
    },
    "webapi_port": null,
    "webapi_url": "https://mriqc.nimh.nih.gov/api/v1"
  },
  "qi_1": 0.0,
  "qi_2": 0.0212739604359009,
  "rpve_csf": 32.17314965669731,
  "rpve_gm": 11.216025827684515,
  "rpve_wm": 36.80141002796886,
  "size_x": 204,
  "size_y": 256,
  "size_z": 256,
  "snr_csf": 5.947178733550516,
  "snr_gm": 9.65662004345927,
  "snr_total": 5.929696307097544,
  "snr_wm": 2.1852901442828467,
  "snrd_csf": 96.49483868957535,
  "snrd_gm": 55.766669305670774,
  "snrd_total": 102.04918720588633,
  "snrd_wm": 153.8860536224129,
  "spacing_x": 1.0,
  "spacing_y": 1.0,
  "spacing_z": 1.0,
  "summary_bg_k": 42.17132031033954,
  "summary_bg_mad": 0.0,
  "summary_bg_mean": 3.066848612642033,
  "summary_bg_median": 0.0,
  "summary_bg_n": 4293876.0,
  "summary_bg_p05": 0.0,
  "summary_bg_p95": 11.723893165588379,
  "summary_bg_stdv": 4.256990030462832,
  "summary_csf_k": 2.65211193814916,
  "summary_csf_mad": 89.50644589718058,
  "summary_csf_mean": 629.755385990997,
  "summary_csf_median": 627.0107511850074,
  "summary_csf_n": 414.0,
  "summary_csf_p05": 474.0082208168693,
  "summary_csf_p95": 779.6537793603725,
  "summary_csf_stdv": 105.30254126303399,
  "summary_gm_k": 0.3758798195801045,
  "summary_gm_mad": 36.35934138284863,
  "summary_gm_mean": 364.74840343379674,
  "summary_gm_median": 362.3644713778049,
  "summary_gm_n": 383488.0,
  "summary_gm_p05": 307.4316203929484,
  "summary_gm_p95": 430.4867021739483,
  "summary_gm_stdv": 37.524930802703956,
  "summary_wm_k": -1.071918989135826,
  "summary_wm_mad": 251.69762559518182,
  "summary_wm_mean": 787.1111903700969,
  "summary_wm_median": 999.9313060576096,
  "summary_wm_n": 64016.0,
  "summary_wm_p05": 23.37909164465964,
  "summary_wm_p95": 1308.221610032022,
  "summary_wm_stdv": 457.57013027871,
  "tpm_overlap_csf": 0.11564248799917991,
  "tpm_overlap_gm": 0.4068853384541331,
  "tpm_overlap_wm": 0.0384809483611699,
  "wm2max": 0.7556586753694389
}