{
  "bids_meta": {
    "AcquisitionMatrixPE": 256,
    "AcquisitionNumber": 1,
    "AcquisitionTime": "15:50:20.000000",
    "BodyPartExamined": "BRAIN",
    "CoilString": "32Ch Head",
    "ConversionSoftware": "dcm2niix",
    "ConversionSoftwareVersion": "v1.0.20211006",
    "Dcm2bidsVersion": "2.1.6",
    "DeviceSerialNumber": "000301496MR3T6MR",
    "EchoTime": 0.00292,
    "FlipAngle": 8,
    "ImageOrientationPatientDICOM": [
      0,
      1,
      0,
      0,
      0,
      -1
    ],
    "ImageType": [
      "ORIGINAL",
      "PRIMARY",
      "OTHER"
    ],
    "ImagingFrequency": 127.697,
    "InPlanePhaseEncodingDirectionDICOM": "ROW",
    "InstitutionName": "NIH FMRIF",
    "InversionTime": 1.06,
    "MRAcquisitionType": "3D",
    "MagneticFieldStrength": 3,
    "Manufacturer": "GE",
    "ManufacturersModelName": "DISCOVERY MR750",
    "Modality": "MR",
    "ParallelReductionFactorInPlane": 2,
    "ParallelReductionOutOfPlane": 2,
    "PatientPosition": "HFS",
    "PercentPhaseFOV": 100,
    "PercentSampling": 100,
    "PixelBandwidth": 244.141,
    "ProcedureStepDescription": "MRI Brain",
    "ProtocolName": "ADNI3 FMRIF Enhanced Pro",
    "ReconMatrixPE": 256,
    "RepetitionTime": 0.006952,
    "SAR": 0.10172,
    "ScanOptions": "EDR_GEMS\\PROMO_GEMS\\ACC_GEMS\\IR_GEMS",
    "ScanningSequence": "RM",
    "SequenceVariant": "NONE",
    "SeriesDescription": "ORIG Anat T1w MP-RAGE 1mm (ABCD)",
    "SeriesNumber": 40003,
    "SliceThickness": 1,
    "SoftwareVersions": "27\\LX\\MR Software release:DV26.0_R03_1831.b",
    "SpacingBetweenSlices": 1,
    "StationName": "FMRI3tb",
    "acq_id": "MPRAGE",
    "dataset": "ds004215",
    "modality": "T1w",
    "session_id": "01",
    "subject_id": "ON33159"
  },
  "cjv": 0.37438595667911,
  "cnr": 3.501296534201991,
  "efc": 0.427258533804339,
  "fber": 7969.1582848543385,
  "fwhm_avg": 3.84813,
  "fwhm_x": 3.83148,
  "fwhm_y": 3.93521,
  "fwhm_z": 3.7777,
  "icvs_csf": 0.25245954415398386,
  "icvs_gm": 0.39937601844454773,
  "icvs_wm": 0.3481644374014684,
  "inu_med": 0.8138512074947357,
  "inu_range": 0.48123527467250826,
  "provenance": {
    "md5sum": "a0272967a0237bbcb6fccf279319855c",
    "settings": {
      "testing": false
    },
    "software": "mriqc",
    "version": "22.0.6",
    "warnings": {
      "large_rot_frame": true,
      "small_air_mask": false
    },
    "webapi_port": null,
    "webapi_url": "https://mriqc.nimh.nih.gov/api/v1"
  },
  "qi_1": 0.0,
  "qi_2": 0.0019634886760840045,
  "rpve_csf": 25.841124917049953,
  "rpve_gm": 15.653261441377204,
  "rpve_wm": 21.20468255147444,
  "size_x": 208,
  "size_y": 256,
  "size_z": 256,
  "snr_csf": 1.001945287460131,
  "snr_gm": 7.835982775661473,
  "snr_total": 9.479860304175512,
  "snr_wm": 19.601652849404932,
  "snrd_csf": 7.099305527235409,
  "snrd_gm": 41.65579006512027,
  "snrd_total": 37.444702689843915,
  "snrd_wm": 63.57901247717607,
  "spacing_x": 1.0,
  "spacing_y": 1.0,
  "spacing_z": 1.0,
  "summary_bg_k": 1.6928514230692882,
  "summary_bg_mad": 10.304287260063504,
  "summary_bg_mean": 10.7613359074348,
  "summary_bg_median": 6.950136139988899,
  "summary_bg_n": 4484572.0,
  "summary_bg_p05": 0.0,
  "summary_bg_p95": 30.488804765045643,
  "summary_bg_stdv": 10.278310549340217,
  "summary_csf_k": 1.436329819729294,
  "summary_csf_mad": 70.81767234864398,
  "summary_csf_mean": 149.14072708863648,
  "summary_csf_median": 111.66114949434996,
  "summary_csf_n": 63605.0,
  "summary_csf_p05": 33.37376693636179,
  "summary_csf_p95": 393.3383651301265,
  "summary_csf_stdv": 111.44348211241477,
  "summary_gm_k": 0.12261690355369259,
  "summary_gm_mad": 80.68451345144064,
  "summary_gm_mean": 653.9709643095996,
  "summary_gm_median": 655.1814658381045,
  "summary_gm_n": 23057.0,
  "summary_gm_p05": 513.5167097620666,
  "summary_gm_p95": 791.8958890974521,
  "summary_gm_stdv": 83.61009417407688,
  "summary_wm_k": 0.6930708717240708,
  "summary_wm_mad": 48.41070807086438,
  "summary_wm_mean": 1000.0793534689586,
  "summary_wm_median": 1000.0000126324594,
  "summary_wm_n": 198644.0,
  "summary_wm_p05": 917.3524031564593,
  "summary_wm_p95": 1082.4509201422334,
  "summary_wm_stdv": 51.015978256849515,
  "tpm_overlap_csf": 0.1567079282227403,
  "tpm_overlap_gm": 0.4564155772657416,
  "tpm_overlap_wm": 0.5079989422693642,
  "wm2max": 0.5865059221658206
}