{
  "bids_meta": {
    "AcquisitionMatrixPE": 256,
    "AcquisitionNumber": 1,
    "AcquisitionTime": "15:50:20.000000",
    "BodyPartExamined": "BRAIN",
    "CoilString": "32Ch Head",
    "ConversionSoftware": "dcm2niix",
    "ConversionSoftwareVersion": "v1.0.20211006",
    "Dcm2bidsVersion": "2.1.6",
    "DeviceSerialNumber": "000301496MR3T6MR",
    "EchoTime": 0.00292,
    "FlipAngle": 8,
    "ImageOrientationPatientDICOM": [
      0,
      1,
      0,
      0,
      0,
      -1
    ],
    "ImageType": [
      "ORIGINAL",
      "PRIMARY",
      "OTHER"
    ],
    "ImagingFrequency": 127.697,
    "InPlanePhaseEncodingDirectionDICOM": "ROW",
    "InstitutionName": "NIH FMRIF",
    "InversionTime": 1.06,
    "MRAcquisitionType": "3D",
    "MagneticFieldStrength": 3,
    "Manufacturer": "GE",
    "ManufacturersModelName": "DISCOVERY MR750",
    "Modality": "MR",
    "ParallelReductionFactorInPlane": 2,
    "ParallelReductionOutOfPlane": 2,
    "PatientPosition": "HFS",
    "PercentPhaseFOV": 100,
    "PercentSampling": 100,
    "PixelBandwidth": 244.141,
    "ProcedureStepDescription": "MRI Brain",
    "ProtocolName": "ADNI3 FMRIF Enhanced Pro",
    "ReconMatrixPE": 256,
    "RepetitionTime": 0.006952,
    "SAR": 0.10172,
    "ScanOptions": "EDR_GEMS\\PROMO_GEMS\\FILTERED_GEMS\\ACC_GEMS\\IR_GEMS",
    "ScanningSequence": "RM",
    "SequenceVariant": "NONE",
    "SeriesDescription": "Anat T1w MP-RAGE 1mm (ABCD)",
    "SeriesNumber": 3,
    "SliceThickness": 1,
    "SoftwareVersions": "27\\LX\\MR Software release:DV26.0_R03_1831.b",
    "SpacingBetweenSlices": 1,
    "StationName": "FMRI3tb",
    "acq_id": "MPRAGE",
    "dataset": "ds004215",
    "modality": "T1w",
    "rec_id": "SCIC",
    "session_id": "01",
    "subject_id": "ON33159"
  },
  "cjv": 0.3633562109256651,
  "cnr": 3.645547183150394,
  "efc": 0.6510979719088584,
  "fber": 22868.343129725898,
  "fwhm_avg": 3.64615,
  "fwhm_x": 3.59779,
  "fwhm_y": 3.80069,
  "fwhm_z": 3.53997,
  "icvs_csf": 0.26462645861462364,
  "icvs_gm": 0.40139482836979895,
  "icvs_wm": 0.3339787130155774,
  "inu_med": 0.41157329082489014,
  "inu_range": 0.06431656479835507,
  "provenance": {
    "md5sum": "b5f2056b1ce99f856c692c583638cd7e",
    "settings": {
      "testing": false
    },
    "software": "mriqc",
    "version": "22.0.6",
    "warnings": {
      "large_rot_frame": true,
      "small_air_mask": false
    },
    "webapi_port": null,
    "webapi_url": "https://mriqc.nimh.nih.gov/api/v1"
  },
  "qi_1": 0.0,
  "qi_2": 0.007015205793163916,
  "rpve_csf": 24.5640584008833,
  "rpve_gm": 15.503744204849582,
  "rpve_wm": 22.023293125734813,
  "size_x": 208,
  "size_y": 256,
  "size_z": 256,
  "snr_csf": 1.4208146078313628,
  "snr_gm": 8.272620492945439,
  "snr_total": 10.391840589788009,
  "snr_wm": 21.482086668587225,
  "snrd_csf": 14.051145549922381,
  "snrd_gm": 60.12143310538046,
  "snrd_total": 55.01384631963666,
  "snrd_wm": 90.86896030360715,
  "spacing_x": 1.0,
  "spacing_y": 1.0,
  "spacing_z": 1.0,
  "summary_bg_k": 9.12124007163533,
  "summary_bg_mad": 0.0,
  "summary_bg_mean": 4.182959344016482,
  "summary_bg_median": 0.0,
  "summary_bg_n": 974683.0,
  "summary_bg_p05": 0.0,
  "summary_bg_p95": 20.3805829025805,
  "summary_bg_stdv": 7.2096830324404335,
  "summary_csf_k": 1.1102474883944362,
  "summary_csf_mad": 75.03983168204813,
  "summary_csf_mean": 189.8168891004091,
  "summary_csf_median": 154.63086108118296,
  "summary_csf_n": 77941.0,
  "summary_csf_p05": 71.95326648280025,
  "summary_csf_p95": 423.50197349116206,
  "summary_csf_stdv": 108.83184072847496,
  "summary_gm_k": 0.043620718143967174,
  "summary_gm_mad": 78.51389796362443,
  "summary_gm_mean": 660.8116169679005,
  "summary_gm_median": 661.6278322283179,
  "summary_gm_n": 28536.0,
  "summary_gm_p05": 526.7290809573606,
  "summary_gm_p95": 793.1043893648311,
  "summary_gm_stdv": 79.97662165558536,
  "summary_wm_k": 0.37954922741524166,
  "summary_wm_mad": 44.435731508534104,
  "summary_wm_mean": 999.32636723734,
  "summary_wm_median": 1000.0000019483268,
  "summary_wm_n": 197093.0,
  "summary_wm_p05": 921.7385636024177,
  "summary_wm_p95": 1074.3073892369866,
  "summary_wm_stdv": 46.55029469431953,
  "tpm_overlap_csf": 0.15423385466656522,
  "tpm_overlap_gm": 0.45435168994670494,
  "tpm_overlap_wm": 0.5094748486780858,
  "wm2max": 0.7913374961189499
}