{
  "aor": 0.005311306532663315,
  "aqi": 0.005122377939698493,
  "bids_meta": {
    "AcquisitionMatrixPE": 64,
    "AcquisitionNumber": 1,
    "AcquisitionTime": "15:06:55.000000",
    "BodyPartExamined": "BRAIN",
    "CoilString": "32Ch Head",
    "ConversionSoftware": "dcm2niix",
    "ConversionSoftwareVersion": "v1.0.20211006",
    "Dcm2bidsVersion": "2.1.6",
    "DeviceSerialNumber": "000301496MR3T6MR",
    "EchoTime": 0.0169,
    "EffectiveEchoSpacing": 0.000416,
    "FlipAngle": 90,
    "ImageOrientationPatientDICOM": [
      1,
      0,
      0,
      0,
      1,
      0
    ],
    "ImageType": [
      "ORIGINAL",
      "PRIMARY",
      "OTHER"
    ],
    "ImagingFrequency": 127.697,
    "InPlanePhaseEncodingDirectionDICOM": "COL",
    "InstitutionName": "NIH FMRIF",
    "InternalPulseSequenceName": "EPI",
    "MRAcquisitionType": "2D",
    "MagneticFieldStrength": 3,
    "Manufacturer": "GE",
    "ManufacturersModelName": "DISCOVERY MR750",
    "Modality": "MR",
    "PatientPosition": "HFS",
    "PercentPhaseFOV": 100,
    "PercentSampling": 100,
    "PhaseEncodingDirection": "j",
    "PhaseEncodingPolarityGE": "Flipped",
    "PixelBandwidth": 7812.5,
    "ProcedureStepDescription": "MRI Brain",
    "ProtocolName": "FMRIF - Clinical 32Ch Br",
    "PulseSequenceName": "epi",
    "ReconMatrixPE": 64,
    "RepetitionTime": 3,
    "SAR": 0.195407,
    "ScanOptions": "MP_GEMS\\EPI_GEMS\\PFF",
    "ScanningSequence": "EP\\GR",
    "SequenceVariant": "SS",
    "SeriesDescription": "Axial rsfMRI with Eyes Open - RKV",
    "SeriesNumber": 11,
    "SliceThickness": 3.4,
    "SliceTiming": [
      0,
      1.5,
      0.0625,
      1.5625,
      0.125,
      1.625,
      0.1875,
      1.6875,
      0.25,
      1.75,
      0.3125,
      1.8125,
      0.375,
      1.875,
      0.4375,
      1.9375,
      0.5,
      2,
      0.5625,
      2.0625,
      0.625,
      2.125,
      0.6875,
      2.1875,
      0.75,
      2.25,
      0.8125,
      2.3125,
      0.875,
      2.375,
      0.9375,
      2.4375,
      1,
      2.5,
      1.0625,
      2.5625,
      1.125,
      2.625,
      1.1875,
      2.6875,
      1.25,
      2.75,
      1.3125,
      2.8125,
      1.375,
      2.875,
      1.4375,
      2.9375
    ],
    "SoftwareVersions": "27\\LX\\MR Software release:DV26.0_R01_1725.a",
    "SpacingBetweenSlices": 3.4,
    "StationName": "fmrif3tb",
    "TaskName": "Resting state with eyes open.",
    "TotalReadoutTime": 0.026208,
    "TriggerDelayTime": 599938,
    "dataset": "ds004215",
    "modality": "bold",
    "session_id": "01",
    "subject_id": "ON63335",
    "task_id": "rest"
  },
  "dummy_trs": 1,
  "dvars_nstd": 15.748870772727276,
  "dvars_std": 1.1953057670707066,
  "dvars_vstd": 1.0068725851010105,
  "efc": 0.4367220357131545,
  "fber": 3985.861328125,
  "fd_mean": 0.25049082189189,
  "fd_num": 104,
  "fd_perc": 52.26130653266332,
  "fwhm_avg": 2.4185212280273367,
  "fwhm_x": 2.408634181818182,
  "fwhm_y": 2.284154181818182,
  "fwhm_z": 2.5627753204456463,
  "gcor": 0.0462715,
  "gsr_x": -0.025787843391299248,
  "gsr_y": 0.053394123911857605,
  "provenance": {
    "md5sum": "b8ce7dfc58808d769b713a038999a747",
    "settings": {
      "fd_thres": 0.2,
      "testing": false
    },
    "software": "mriqc",
    "version": "22.0.6",
    "webapi_port": null,
    "webapi_url": "https://mriqc.nimh.nih.gov/api/v1"
  },
  "size_t": 199,
  "size_x": 64,
  "size_y": 64,
  "size_z": 48,
  "snr": 5.334634551071859,
  "spacing_tr": 3.0,
  "spacing_x": 3.4375,
  "spacing_y": 3.4375,
  "spacing_z": 3.4000015258789062,
  "summary_bg_k": 84.27684134469949,
  "summary_bg_mad": 20.018854214202786,
  "summary_bg_mean": 136.53201293945312,
  "summary_bg_median": 38.3969841003418,
  "summary_bg_n": 143399.0,
  "summary_bg_p05": 20.04020118713379,
  "summary_bg_p95": 550.2738708496095,
  "summary_bg_stdv": 287.4815979003906,
  "summary_fg_k": 1.0880801204783763,
  "summary_fg_mad": 408.0361287083,
  "summary_fg_mean": 2349.859375,
  "summary_fg_median": 2338.0654296875,
  "summary_fg_n": 20166.0,
  "summary_fg_p05": 1643.1054992675781,
  "summary_fg_p95": 3058.74365234375,
  "summary_fg_stdv": 438.26947021484375,
  "tsnr": 84.99176231212914
}