{
  "aor": 0.03055222222222222,
  "aqi": 0.0031718222222222223,
  "bids_meta": {
    "AcquisitionMatrixPE": 64,
    "AcquisitionNumber": 1,
    "AcquisitionTime": "15:18:17.000000",
    "BodyPartExamined": "BRAIN",
    "CoilString": "32Ch Head",
    "ConversionSoftware": "dcm2niix",
    "ConversionSoftwareVersion": "v1.0.20211006",
    "Dcm2bidsVersion": "2.1.6",
    "DeviceSerialNumber": "000301496MR3T6MR",
    "EchoTime": 0.0169,
    "EffectiveEchoSpacing": 0.000416,
    "FlipAngle": 90,
    "ImageOrientationPatientDICOM": [
      1,
      0,
      0,
      0,
      1,
      0
    ],
    "ImageType": [
      "ORIGINAL",
      "PRIMARY",
      "OTHER"
    ],
    "ImagingFrequency": 127.697,
    "InPlanePhaseEncodingDirectionDICOM": "COL",
    "InstitutionName": "NIH FMRIF",
    "InternalPulseSequenceName": "EPI",
    "MRAcquisitionType": "2D",
    "MagneticFieldStrength": 3,
    "Manufacturer": "GE",
    "ManufacturersModelName": "DISCOVERY MR750",
    "Modality": "MR",
    "PatientPosition": "HFS",
    "PercentPhaseFOV": 100,
    "PercentSampling": 100,
    "PhaseEncodingDirection": "j-",
    "PhaseEncodingPolarityGE": "Unflipped",
    "PixelBandwidth": 7812.5,
    "ProcedureStepDescription": "MRI Brain",
    "ProtocolName": "FMRIF - Clinical 32Ch Br",
    "PulseSequenceName": "epi",
    "ReconMatrixPE": 64,
    "RepetitionTime": 3,
    "SAR": 0.194481,
    "ScanOptions": "MP_GEMS\\EPI_GEMS\\PFF",
    "ScanningSequence": "EP\\GR",
    "SequenceVariant": "SS",
    "SeriesDescription": "Axial rsfMRI reverse blip - RKV",
    "SeriesNumber": 12,
    "SliceThickness": 3.4,
    "SliceTiming": [
      0,
      1.5,
      0.0625,
      1.5625,
      0.125,
      1.625,
      0.1875,
      1.6875,
      0.25,
      1.75,
      0.3125,
      1.8125,
      0.375,
      1.875,
      0.4375,
      1.9375,
      0.5,
      2,
      0.5625,
      2.0625,
      0.625,
      2.125,
      0.6875,
      2.1875,
      0.75,
      2.25,
      0.8125,
      2.3125,
      0.875,
      2.375,
      0.9375,
      2.4375,
      1,
      2.5,
      1.0625,
      2.5625,
      1.125,
      2.625,
      1.1875,
      2.6875,
      1.25,
      2.75,
      1.3125,
      2.8125,
      1.375,
      2.875,
      1.4375,
      2.9375
    ],
    "SoftwareVersions": "27\\LX\\MR Software release:DV26.0_R01_1725.a",
    "SpacingBetweenSlices": 3.4,
    "StationName": "fmrif3tb",
    "TaskName": "Resting state with reverse blip.",
    "TotalReadoutTime": 0.026208,
    "TriggerDelayTime": 29938,
    "dataset": "ds004215",
    "modality": "bold",
    "session_id": "01",
    "subject_id": "ON63335",
    "task_id": "rest"
  },
  "dummy_trs": 1,
  "dvars_nstd": 12.844019175,
  "dvars_std": 1.11457397125,
  "dvars_vstd": 1.1939980375,
  "efc": 0.44158524425626783,
  "fber": 4320.6162109375,
  "fd_mean": 0.16159556194440214,
  "fd_num": 2,
  "fd_perc": 22.22222222222222,
  "fwhm_avg": 2.3211197639322236,
  "fwhm_x": 2.2928843636363636,
  "fwhm_y": 2.2821759999999998,
  "fwhm_z": 2.388298928160307,
  "gcor": 0.0834531,
  "gsr_x": -0.025874771177768707,
  "gsr_y": 0.05850488692522049,
  "provenance": {
    "md5sum": "29c4a6361824bd4a0ae60e64c5bb12dd",
    "settings": {
      "fd_thres": 0.2,
      "testing": false
    },
    "software": "mriqc",
    "version": "22.0.6",
    "webapi_port": null,
    "webapi_url": "https://mriqc.nimh.nih.gov/api/v1"
  },
  "size_t": 9,
  "size_x": 64,
  "size_y": 64,
  "size_z": 48,
  "snr": 6.105537551798768,
  "spacing_tr": 3.0,
  "spacing_x": 3.4375,
  "spacing_y": 3.4375,
  "spacing_z": 3.4000015258789062,
  "summary_bg_k": 91.64057187530004,
  "summary_bg_mad": 13.343419966550417,
  "summary_bg_mean": 135.1088409423828,
  "summary_bg_median": 35.88888931274414,
  "summary_bg_n": 142451.0,
  "summary_bg_p05": 24.55555534362793,
  "summary_bg_p95": 547.7777709960938,
  "summary_bg_stdv": 294.2818298339844,
  "summary_fg_k": 2.2857689152476546,
  "summary_fg_mad": 320.9008526439093,
  "summary_fg_mean": 2301.8642578125,
  "summary_fg_median": 2293.888916015625,
  "summary_fg_n": 21009.0,
  "summary_fg_p05": 1678.8444091796875,
  "summary_fg_p95": 2888.444580078125,
  "summary_fg_stdv": 375.6973571777344,
  "tsnr": 123.74147615395486
}