{
  "aor": 0.033162222222222225,
  "aqi": 0.0013388392222222223,
  "bids_meta": {
    "AcquisitionMatrixPE": 64,
    "AcquisitionNumber": 1,
    "AcquisitionTime": "16:49:54.000000",
    "BodyPartExamined": "BRAIN",
    "CoilString": "32Ch Head",
    "ConversionSoftware": "dcm2niix",
    "ConversionSoftwareVersion": "v1.0.20211006",
    "Dcm2bidsVersion": "2.1.6",
    "DeviceSerialNumber": "000301496MR3T6MR",
    "EchoTime": 0.0169,
    "EffectiveEchoSpacing": 0.000416,
    "FlipAngle": 90,
    "ImageOrientationPatientDICOM": [
      1,
      0,
      0,
      0,
      1,
      0
    ],
    "ImageType": [
      "ORIGINAL",
      "PRIMARY",
      "OTHER"
    ],
    "ImagingFrequency": 127.697,
    "InPlanePhaseEncodingDirectionDICOM": "COL",
    "InstitutionName": "NIH FMRIF",
    "InternalPulseSequenceName": "EPI",
    "MRAcquisitionType": "2D",
    "MagneticFieldStrength": 3,
    "Manufacturer": "GE",
    "ManufacturersModelName": "DISCOVERY MR750",
    "Modality": "MR",
    "PatientPosition": "HFS",
    "PercentPhaseFOV": 100,
    "PercentSampling": 100,
    "PhaseEncodingDirection": "j-",
    "PhaseEncodingPolarityGE": "Unflipped",
    "PixelBandwidth": 7812.5,
    "ProcedureStepDescription": "MRI Brain",
    "ProtocolName": "ADNI3 FMRIF Enhanced Pro",
    "PulseSequenceName": "epi",
    "ReconMatrixPE": 64,
    "RepetitionTime": 3,
    "SAR": 0.199639,
    "ScanOptions": "MP_GEMS\\EPI_GEMS\\PFF",
    "ScanningSequence": "EP\\GR",
    "SequenceVariant": "SS",
    "SeriesDescription": "Axial rsfMRI reverse blip - RKV",
    "SeriesNumber": 12,
    "SliceThickness": 3.4,
    "SliceTiming": [
      0,
      1.5,
      0.0625,
      1.5625,
      0.125,
      1.625,
      0.1875,
      1.6875,
      0.25,
      1.75,
      0.3125,
      1.8125,
      0.375,
      1.875,
      0.4375,
      1.9375,
      0.5,
      2,
      0.5625,
      2.0625,
      0.625,
      2.125,
      0.6875,
      2.1875,
      0.75,
      2.25,
      0.8125,
      2.3125,
      0.875,
      2.375,
      0.9375,
      2.4375,
      1,
      2.5,
      1.0625,
      2.5625,
      1.125,
      2.625,
      1.1875,
      2.6875,
      1.25,
      2.75,
      1.3125,
      2.8125,
      1.375,
      2.875,
      1.4375,
      2.9375
    ],
    "SoftwareVersions": "27\\LX\\MR Software release:DV26.0_R01_1725.a",
    "SpacingBetweenSlices": 3.4,
    "StationName": "fmrif3tb",
    "TaskName": "Resting state with reverse blip.",
    "TotalReadoutTime": 0.026208,
    "TriggerDelayTime": 29938,
    "dataset": "ds004215",
    "modality": "bold",
    "session_id": "01",
    "subject_id": "ON62592",
    "task_id": "rest"
  },
  "dummy_trs": 1,
  "dvars_nstd": 18.58690452625,
  "dvars_std": 1.4908970875,
  "dvars_vstd": 1.3642269075000002,
  "efc": 0.4202140764823469,
  "fber": 5001.8876953125,
  "fd_mean": 0.18065505272258195,
  "fd_num": 3,
  "fd_perc": 33.333333333333336,
  "fwhm_avg": 2.4396145485389407,
  "fwhm_x": 2.4035403636363633,
  "fwhm_y": 2.4574690909090906,
  "fwhm_z": 2.4578341910713686,
  "gcor": 0.0190015,
  "gsr_x": 0.011265919543802738,
  "gsr_y": 0.004931951407343149,
  "provenance": {
    "md5sum": "c6105a1cd002143ee41660a5a8645d89",
    "settings": {
      "fd_thres": 0.2,
      "testing": false
    },
    "software": "mriqc",
    "version": "22.0.6",
    "webapi_port": null,
    "webapi_url": "https://mriqc.nimh.nih.gov/api/v1"
  },
  "size_t": 9,
  "size_x": 64,
  "size_y": 64,
  "size_z": 48,
  "snr": 5.353070594888811,
  "spacing_tr": 3.0,
  "spacing_x": 3.4375,
  "spacing_y": 3.4375,
  "spacing_z": 3.4000015258789062,
  "summary_bg_k": 44.91075800222793,
  "summary_bg_mad": 12.190286478734569,
  "summary_bg_mean": 105.93549346923828,
  "summary_bg_median": 35.55555725097656,
  "summary_bg_n": 142282.0,
  "summary_bg_p05": 25.0,
  "summary_bg_p95": 445.1055587768535,
  "summary_bg_stdv": 207.13223266601562,
  "summary_fg_k": 0.4476220124666588,
  "summary_fg_mad": 408.5394388608469,
  "summary_fg_mean": 2502.31396484375,
  "summary_fg_median": 2486.333251953125,
  "summary_fg_n": 19850.0,
  "summary_fg_p05": 1700.111083984375,
  "summary_fg_p95": 3292.5777709960935,
  "summary_fg_stdv": 464.4569091796875,
  "tsnr": 162.56206568330526
}