{
  "aor": 0.0012876884422110555,
  "aqi": 0.0016204641407035177,
  "bids_meta": {
    "AcquisitionMatrixPE": 64,
    "AcquisitionNumber": 1,
    "AcquisitionTime": "15:59:41.000000",
    "BodyPartExamined": "BRAIN",
    "CoilString": "32Ch Head",
    "ConversionSoftware": "dcm2niix",
    "ConversionSoftwareVersion": "v1.0.20211006",
    "Dcm2bidsVersion": "2.1.6",
    "DeviceSerialNumber": "000301496MR3T6MR",
    "EchoTime": 0.0169,
    "EffectiveEchoSpacing": 0.000416,
    "FlipAngle": 90,
    "ImageOrientationPatientDICOM": [
      1,
      0,
      0,
      0,
      1,
      0
    ],
    "ImageType": [
      "ORIGINAL",
      "PRIMARY",
      "OTHER"
    ],
    "ImagingFrequency": 127.696,
    "InPlanePhaseEncodingDirectionDICOM": "COL",
    "InstitutionName": "NIH FMRIF",
    "InternalPulseSequenceName": "EPI",
    "MRAcquisitionType": "2D",
    "MagneticFieldStrength": 3,
    "Manufacturer": "GE",
    "ManufacturersModelName": "DISCOVERY MR750",
    "Modality": "MR",
    "PatientPosition": "HFS",
    "PercentPhaseFOV": 100,
    "PercentSampling": 100,
    "PhaseEncodingDirection": "j",
    "PhaseEncodingPolarityGE": "Flipped",
    "PixelBandwidth": 7812.5,
    "ProcedureStepDescription": "MRI Brain",
    "ProtocolName": "ADNI3 FMRIF Enhanced Pro",
    "PulseSequenceName": "epi",
    "ReconMatrixPE": 64,
    "RepetitionTime": 3,
    "SAR": 0.148888,
    "ScanOptions": "MP_GEMS\\EPI_GEMS\\PFF",
    "ScanningSequence": "EP\\GR",
    "SequenceVariant": "SS",
    "SeriesDescription": "Axial rsfMRI with Eyes Open - RKV",
    "SeriesNumber": 10,
    "SliceThickness": 3.4,
    "SliceTiming": [
      0,
      1.5,
      0.0625,
      1.5625,
      0.125,
      1.625,
      0.1875,
      1.6875,
      0.25,
      1.75,
      0.3125,
      1.8125,
      0.375,
      1.875,
      0.4375,
      1.9375,
      0.5,
      2,
      0.5625,
      2.0625,
      0.625,
      2.125,
      0.6875,
      2.1875,
      0.75,
      2.25,
      0.8125,
      2.3125,
      0.875,
      2.375,
      0.9375,
      2.4375,
      1,
      2.5,
      1.0625,
      2.5625,
      1.125,
      2.625,
      1.1875,
      2.6875,
      1.25,
      2.75,
      1.3125,
      2.8125,
      1.375,
      2.875,
      1.4375,
      2.9375
    ],
    "SoftwareVersions": "27\\LX\\MR Software release:DV26.0_R03_1831.b",
    "SpacingBetweenSlices": 3.4,
    "StationName": "FMRI3tb",
    "TaskName": "Resting state with eyes open.",
    "TotalReadoutTime": 0.026208,
    "TriggerDelayTime": 599938,
    "dataset": "ds004215",
    "modality": "bold",
    "session_id": "01",
    "subject_id": "ON86202",
    "task_id": "rest"
  },
  "dummy_trs": 1,
  "dvars_nstd": 9.941915471414143,
  "dvars_std": 1.1615783001515152,
  "dvars_vstd": 0.9366583218181823,
  "efc": 0.4526132118654673,
  "fber": 5718.2001953125,
  "fd_mean": 0.042650222116491096,
  "fd_num": 0,
  "fd_perc": 0.0,
  "fwhm_avg": 2.7753994800201016,
  "fwhm_x": 2.68096,
  "fwhm_y": 2.5289716363636363,
  "fwhm_z": 3.1162668036966683,
  "gcor": 0.0307309,
  "gsr_x": -0.007170960307121277,
  "gsr_y": 0.03575849160552025,
  "provenance": {
    "md5sum": "ef7542f7a320a3d38e6266ccebb4976b",
    "settings": {
      "fd_thres": 0.2,
      "testing": false
    },
    "software": "mriqc",
    "version": "22.0.6",
    "webapi_port": null,
    "webapi_url": "https://mriqc.nimh.nih.gov/api/v1"
  },
  "size_t": 199,
  "size_x": 64,
  "size_y": 64,
  "size_z": 48,
  "snr": 4.021285448662496,
  "spacing_tr": 3.0,
  "spacing_x": 3.4375,
  "spacing_y": 3.4375,
  "spacing_z": 3.3999977111816406,
  "summary_bg_k": 24.199465120502175,
  "summary_bg_mad": 8.70935767458595,
  "summary_bg_mean": 113.61327362060547,
  "summary_bg_median": 31.98492431640625,
  "summary_bg_n": 133730.0,
  "summary_bg_p05": 21.484673118591314,
  "summary_bg_p95": 585.9193450927729,
  "summary_bg_stdv": 229.90432739257812,
  "summary_fg_k": 3.0574575609353554,
  "summary_fg_mad": 498.9886711292239,
  "summary_fg_mean": 2522.476318359375,
  "summary_fg_median": 2415.38671875,
  "summary_fg_n": 27010.0,
  "summary_fg_p05": 1739.785137939453,
  "summary_fg_p95": 3627.538220214844,
  "summary_fg_stdv": 600.6392822265625,
  "tsnr": 128.00647085905075
}