{
  "bids_meta": {
    "AcquisitionMatrixPE": 256,
    "AcquisitionNumber": 1,
    "AcquisitionTime": "15:12:41.000000",
    "BodyPartExamined": "BRAIN",
    "CoilString": "32Ch Head",
    "ConversionSoftware": "dcm2niix",
    "ConversionSoftwareVersion": "v1.0.20211006",
    "Dcm2bidsVersion": "2.1.6",
    "DeviceSerialNumber": "000301496MR3T6MR",
    "EchoTime": 0.003036,
    "FlipAngle": 11,
    "ImageOrientationPatientDICOM": [
      0,
      1,
      0,
      0,
      0,
      -1
    ],
    "ImageType": [
      "ORIGINAL",
      "PRIMARY",
      "OTHER"
    ],
    "ImagingFrequency": 127.697,
    "InPlanePhaseEncodingDirectionDICOM": "ROW",
    "InstitutionName": "NIH FMRIF",
    "InversionTime": 0.4,
    "MRAcquisitionType": "3D",
    "MagneticFieldStrength": 3,
    "Manufacturer": "GE",
    "ManufacturersModelName": "DISCOVERY MR750",
    "Modality": "MR",
    "ParallelReductionFactorInPlane": 1.72974,
    "PatientPosition": "HFS",
    "PercentPhaseFOV": 100,
    "PercentSampling": 100,
    "PixelBandwidth": 244.141,
    "ProcedureStepDescription": "MRI Brain",
    "ProtocolName": "ADNI3 FMRIF Enhanced Pro",
    "ReconMatrixPE": 256,
    "RepetitionTime": 0.007348,
    "SAR": 0.369006,
    "ScanOptions": "FAST_GEMS\\EDR_GEMS\\FILTERED_GEMS\\ACC_GEMS\\IR_GEMS",
    "ScanningSequence": "GR",
    "SequenceVariant": "SS\\SP\\SK",
    "SeriesDescription": "Accelerated Sagittal IR-FSPGR",
    "SeriesNumber": 3,
    "SliceThickness": 1.2,
    "SoftwareVersions": "27\\LX\\MR Software release:DV26.0_R01_1725.a",
    "SpacingBetweenSlices": 1.2,
    "SpoilingState": true,
    "StationName": "fmrif3tb",
    "acq_id": "FSPGR",
    "dataset": "ds004215",
    "modality": "T1w",
    "rec_id": "SCIC",
    "session_id": "01",
    "subject_id": "ON23897"
  },
  "cjv": 0.32656731330658256,
  "cnr": 4.045036623385441,
  "efc": 0.5806397124946199,
  "fber": -1.0,
  "fwhm_avg": 3.626940846867098,
  "fwhm_x": 3.3259539791591166,
  "fwhm_y": 3.964084510010495,
  "fwhm_z": 3.5907840514316813,
  "icvs_csf": 0.22215761204660509,
  "icvs_gm": 0.43401843472249707,
  "icvs_wm": 0.3438239532308978,
  "inu_med": 0.4532378762960434,
  "inu_range": 0.09524226337671282,
  "provenance": {
    "md5sum": "ecbdf3e522fcead97fd24c4a61b72ea1",
    "settings": {
      "testing": false
    },
    "software": "mriqc",
    "version": "22.0.6",
    "warnings": {
      "large_rot_frame": true,
      "small_air_mask": false
    },
    "webapi_port": null,
    "webapi_url": "https://mriqc.nimh.nih.gov/api/v1"
  },
  "qi_1": 0.0,
  "qi_2": 0.0020141228554047394,
  "rpve_csf": 28.629208869422392,
  "rpve_gm": 15.536073290677512,
  "rpve_wm": 23.61390003473069,
  "size_x": 196,
  "size_y": 256,
  "size_z": 256,
  "snr_csf": 2.642218436948537,
  "snr_gm": 10.111254515015837,
  "snr_total": 12.497734363746298,
  "snr_wm": 24.739730139274524,
  "snrd_csf": 16.56578767026746,
  "snrd_gm": 45.72273869501242,
  "snrd_total": 43.17166724771866,
  "snrd_wm": 67.22647537787608,
  "spacing_x": 1.2000045776367188,
  "spacing_y": 1.0547000169754028,
  "spacing_z": 1.0547000169754028,
  "summary_bg_k": 11.45954491295377,
  "summary_bg_mad": 0.0,
  "summary_bg_mean": 5.7692039261803325,
  "summary_bg_median": 0.0,
  "summary_bg_n": 1230162.0,
  "summary_bg_p05": 0.0,
  "summary_bg_p95": 26.70901596546173,
  "summary_bg_stdv": 9.744862378475013,
  "summary_csf_k": 1.4660451863877872,
  "summary_csf_mad": 71.545483156554,
  "summary_csf_mean": 256.68036901775747,
  "summary_csf_median": 246.40871891379356,
  "summary_csf_n": 26587.0,
  "summary_csf_p05": 116.56680805683138,
  "summary_csf_p95": 434.21641306877115,
  "summary_csf_stdv": 93.25651559195472,
  "summary_gm_k": 0.13984369765468196,
  "summary_gm_mad": 65.71268011686485,
  "summary_gm_mean": 677.9444759747462,
  "summary_gm_median": 680.105388969183,
  "summary_gm_n": 33435.0,
  "summary_gm_p05": 562.9358233898878,
  "summary_gm_p95": 785.4255357086658,
  "summary_gm_stdv": 67.2612104979186,
  "summary_wm_k": 0.43677118617206734,
  "summary_wm_mad": 38.742655052614126,
  "summary_wm_mean": 1000.2185387846703,
  "summary_wm_median": 999.9639017879963,
  "summary_wm_n": 178707.0,
  "summary_wm_p05": 934.2019732892513,
  "summary_wm_p95": 1066.7003484368324,
  "summary_wm_stdv": 40.41924056486702,
  "tpm_overlap_csf": 0.17421672779893427,
  "tpm_overlap_gm": 0.47275852091511966,
  "tpm_overlap_wm": 0.5356920232542657,
  "wm2max": 0.47398675813929614
}