{
  "bids_meta": {
    "AcquisitionMatrixPE": 256,
    "AcquisitionNumber": 1,
    "AcquisitionTime": "15:15:48.000000",
    "BodyPartExamined": "BRAIN",
    "CoilString": "32Ch Head",
    "ConversionSoftware": "dcm2niix",
    "ConversionSoftwareVersion": "v1.0.20211006",
    "Dcm2bidsVersion": "2.1.6",
    "DeviceSerialNumber": "000301496MR3T6MR",
    "EchoTime": 0.003036,
    "FlipAngle": 11,
    "ImageOrientationPatientDICOM": [
      0,
      1,
      0,
      0,
      0,
      -1
    ],
    "ImageType": [
      "ORIGINAL",
      "PRIMARY",
      "OTHER"
    ],
    "ImagingFrequency": 127.697,
    "InPlanePhaseEncodingDirectionDICOM": "ROW",
    "InstitutionName": "NIH FMRIF",
    "InversionTime": 0.4,
    "MRAcquisitionType": "3D",
    "MagneticFieldStrength": 3,
    "Manufacturer": "GE",
    "ManufacturersModelName": "DISCOVERY MR750",
    "Modality": "MR",
    "ParallelReductionFactorInPlane": 1.72974,
    "PatientPosition": "HFS",
    "PercentPhaseFOV": 100,
    "PercentSampling": 100,
    "PixelBandwidth": 244.141,
    "ProcedureStepDescription": "MRI Brain",
    "ProtocolName": "ADNI3 FMRIF Enhanced Pro",
    "ReconMatrixPE": 256,
    "RepetitionTime": 0.007348,
    "SAR": 0.186805,
    "ScanOptions": "FAST_GEMS\\EDR_GEMS\\FILTERED_GEMS\\ACC_GEMS\\IR_GEMS",
    "ScanningSequence": "GR",
    "SequenceVariant": "SS\\SP\\SK",
    "SeriesDescription": "Accelerated Sagittal IR-FSPGR",
    "SeriesNumber": 3,
    "SliceThickness": 1.2,
    "SoftwareVersions": "27\\LX\\MR Software release:DV26.0_R01_1725.a",
    "SpacingBetweenSlices": 1.2,
    "SpoilingState": true,
    "StationName": "fmrif3tb",
    "acq_id": "FSPGR",
    "dataset": "ds004215",
    "modality": "T1w",
    "rec_id": "SCIC",
    "session_id": "01",
    "subject_id": "ON82386"
  },
  "cjv": 0.30766756931977285,
  "cnr": 4.293881422036402,
  "efc": 0.5453508899608764,
  "fber": -1.0,
  "fwhm_avg": 3.753294364003722,
  "fwhm_x": 3.4609451308754062,
  "fwhm_y": 4.024803196811742,
  "fwhm_z": 3.774134764324018,
  "icvs_csf": 0.27655359156593134,
  "icvs_gm": 0.41014780908918397,
  "icvs_wm": 0.3132985993448847,
  "inu_med": 0.5264524817466736,
  "inu_range": 0.11786281168460844,
  "provenance": {
    "md5sum": "7060daa8189fe41279d98faf1439118f",
    "settings": {
      "testing": false
    },
    "software": "mriqc",
    "version": "22.0.6",
    "warnings": {
      "large_rot_frame": true,
      "small_air_mask": false
    },
    "webapi_port": null,
    "webapi_url": "https://mriqc.nimh.nih.gov/api/v1"
  },
  "qi_1": 0.0,
  "qi_2": 0.003150439893246605,
  "rpve_csf": 28.740401548257086,
  "rpve_gm": 18.810712137180158,
  "rpve_wm": 28.997701316189172,
  "size_x": 196,
  "size_y": 256,
  "size_z": 256,
  "snr_csf": 2.4387285566953047,
  "snr_gm": 10.406872720021815,
  "snr_total": 12.709103554519581,
  "snr_wm": 25.281709386841626,
  "snrd_csf": 13.671194896804714,
  "snrd_gm": 49.20068059372404,
  "snrd_total": 45.346562192904095,
  "snrd_wm": 73.16781108818356,
  "spacing_x": 1.2000045776367188,
  "spacing_y": 1.0547000169754028,
  "spacing_z": 1.0547000169754028,
  "summary_bg_k": 14.553164674576411,
  "summary_bg_mad": 0.0,
  "summary_bg_mean": 4.86661169593956,
  "summary_bg_median": 0.0,
  "summary_bg_n": 1061097.0,
  "summary_bg_p05": 0.0,
  "summary_bg_p95": 22.87457138299942,
  "summary_bg_stdv": 8.953888305669087,
  "summary_csf_k": 2.727521116699182,
  "summary_csf_mad": 64.66248413348475,
  "summary_csf_mean": 197.38456715616033,
  "summary_csf_median": 186.84712391346693,
  "summary_csf_n": 53433.0,
  "summary_csf_p05": 94.35760695487261,
  "summary_csf_p95": 336.93481161445334,
  "summary_csf_stdv": 76.61589682373672,
  "summary_gm_k": 0.27129358500151035,
  "summary_gm_mad": 62.8537433185621,
  "summary_gm_mean": 670.618458065672,
  "summary_gm_median": 672.4361500889063,
  "summary_gm_n": 24778.0,
  "summary_gm_p05": 561.4887602385134,
  "summary_gm_p95": 773.0461398884654,
  "summary_gm_stdv": 64.61331841223205,
  "summary_wm_k": 0.3289972284531477,
  "summary_wm_mad": 37.92703396290933,
  "summary_wm_mean": 999.2974783454705,
  "summary_wm_median": 1000.000012293458,
  "summary_wm_n": 134308.0,
  "summary_wm_p05": 932.786896713078,
  "summary_wm_p95": 1062.9050835967064,
  "summary_wm_stdv": 39.55414067137879,
  "tpm_overlap_csf": 0.16228696343665053,
  "tpm_overlap_gm": 0.45982837922082953,
  "tpm_overlap_wm": 0.5345349491664263,
  "wm2max": 0.45079572405733337
}