{
  "bids_meta": {
    "AcquisitionMatrixPE": 256,
    "AcquisitionNumber": 1,
    "AcquisitionTime": "15:21:44.000000",
    "BodyPartExamined": "BRAIN",
    "CoilString": "32Ch Head",
    "ConversionSoftware": "dcm2niix",
    "ConversionSoftwareVersion": "v1.0.20211006",
    "Dcm2bidsVersion": "2.1.6",
    "DeviceSerialNumber": "000301496MR3T6MR",
    "EchoTime": 0.066428,
    "EchoTrainLength": 140,
    "FlipAngle": 90,
    "ImageOrientationPatientDICOM": [
      0,
      1,
      0,
      0,
      0,
      -1
    ],
    "ImageType": [
      "ORIGINAL",
      "PRIMARY",
      "OTHER"
    ],
    "ImagingFrequency": 127.697,
    "InPlanePhaseEncodingDirectionDICOM": "ROW",
    "InstitutionName": "NIH FMRIF",
    "MRAcquisitionType": "3D",
    "MagneticFieldStrength": 3,
    "Manufacturer": "GE",
    "ManufacturersModelName": "DISCOVERY MR750",
    "Modality": "MR",
    "ParallelReductionFactorInPlane": 2,
    "ParallelReductionOutOfPlane": 1.5,
    "PatientPosition": "HFS",
    "PercentPhaseFOV": 100,
    "PercentSampling": 100,
    "PhaseEncodingAxis": "i",
    "PixelBandwidth": 244.141,
    "ProcedureStepDescription": "MRI Brain",
    "ProtocolName": "ADNI3 FMRIF Enhanced Pro",
    "ReconMatrixPE": 256,
    "RepetitionTime": 3.202,
    "SAR": 0.4478,
    "ScanOptions": "SAT_GEMS\\EDR_GEMS\\PROMO_GEMS\\ACC_GEMS\\FS\\FR_GEMS",
    "ScanningSequence": "RM",
    "SequenceVariant": "NONE",
    "SeriesDescription": "Sag_CUBE_T2",
    "SeriesNumber": 4,
    "SliceThickness": 1,
    "SoftwareVersions": "27\\LX\\MR Software release:DV26.0_R01_1725.a",
    "SpacingBetweenSlices": 1,
    "StationName": "fmrif3tb",
    "acq_id": "CUBE",
    "dataset": "ds004215",
    "modality": "T2w",
    "session_id": "01",
    "subject_id": "ON82386"
  },
  "cjv": 0.26598552981344575,
  "cnr": 4.374524363396392,
  "efc": 0.3672989322109518,
  "fber": 4088.351400047259,
  "fwhm_avg": 2.682081790493043,
  "fwhm_x": 2.2673053714791287,
  "fwhm_y": 2.86068,
  "fwhm_z": 2.91826,
  "icvs_csf": 0.24098714523985504,
  "icvs_gm": 0.7015978444093074,
  "icvs_wm": 0.05741501035083762,
  "inu_med": 0.9029207825660706,
  "inu_range": 0.5171073019504548,
  "provenance": {
    "md5sum": "5798a4e014bc0b9be3b5f18575539fe6",
    "settings": {
      "testing": false
    },
    "software": "mriqc",
    "version": "22.0.6",
    "warnings": {
      "large_rot_frame": true,
      "small_air_mask": false
    },
    "webapi_port": null,
    "webapi_url": "https://mriqc.nimh.nih.gov/api/v1"
  },
  "qi_1": 0.0,
  "qi_2": 0.015112245570669598,
  "rpve_csf": 24.35090650557519,
  "rpve_gm": 11.016074932385852,
  "rpve_wm": 110.71273622847097,
  "size_x": 204,
  "size_y": 256,
  "size_z": 256,
  "snr_csf": 6.433016847806803,
  "snr_gm": 8.063090695914944,
  "snr_total": 5.1328148317503635,
  "snr_wm": 0.9023369515293422,
  "snrd_csf": 100.68797372764047,
  "snrd_gm": 31.233194894510085,
  "snrd_total": 45.40579772446361,
  "snrd_wm": 4.2962245512402655,
  "spacing_x": 1.0002975463867188,
  "spacing_y": 1.0,
  "spacing_z": 1.0,
  "summary_bg_k": 5.309624657086529,
  "summary_bg_mad": 152.76366005869073,
  "summary_bg_mean": 104.69340033336738,
  "summary_bg_median": 103.03752291202545,
  "summary_bg_n": 4011278.0,
  "summary_bg_p05": 0.0,
  "summary_bg_p95": 310.8993465900421,
  "summary_bg_stdv": 115.51515228237017,
  "summary_csf_k": 5.142881371681964,
  "summary_csf_mad": 2566.9593051480574,
  "summary_csf_mean": 22929.356622752948,
  "summary_csf_median": 23478.261001110077,
  "summary_csf_n": 83457.0,
  "summary_csf_p05": 16232.51944770813,
  "summary_csf_p95": 27590.232435703278,
  "summary_csf_stdv": 3649.6282996472687,
  "summary_gm_k": 0.01881607321310641,
  "summary_gm_mad": 907.75169098459,
  "summary_gm_mean": 7357.11587904439,
  "summary_gm_median": 7282.906532764435,
  "summary_gm_n": 513018.0,
  "summary_gm_p05": 6005.360367178917,
  "summary_gm_p95": 8965.455678582191,
  "summary_gm_stdv": 903.2391807710122,
  "summary_wm_k": 5.178802044525089,
  "summary_wm_mad": 762.9352733566982,
  "summary_wm_mean": 1352.7044901445452,
  "summary_wm_median": 1001.7867834568024,
  "summary_wm_n": 10203.0,
  "summary_wm_p05": 278.14175260066986,
  "summary_wm_p95": 3626.5038916707035,
  "summary_wm_stdv": 1110.159223558127,
  "tpm_overlap_csf": 0.15175906623304478,
  "tpm_overlap_gm": 0.4102758808168477,
  "tpm_overlap_wm": 0.016971304058026264,
  "wm2max": 0.03356615446018759
}