{
  "bids_meta": {
    "AcquisitionMatrixPE": 256,
    "AcquisitionNumber": 1,
    "AcquisitionTime": "16:23:21.000000",
    "BodyPartExamined": "BRAIN",
    "CoilString": "32Ch Head",
    "ConversionSoftware": "dcm2niix",
    "ConversionSoftwareVersion": "v1.0.20211006",
    "Dcm2bidsVersion": "2.1.6",
    "DeviceSerialNumber": "000301496MR3T6MR",
    "EchoTime": 0.066091,
    "EchoTrainLength": 140,
    "FlipAngle": 90,
    "ImageOrientationPatientDICOM": [
      0,
      1,
      0,
      0,
      0,
      -1
    ],
    "ImageType": [
      "ORIGINAL",
      "PRIMARY",
      "OTHER"
    ],
    "ImagingFrequency": 127.697,
    "InPlanePhaseEncodingDirectionDICOM": "ROW",
    "InstitutionName": "NIH FMRIF",
    "MRAcquisitionType": "3D",
    "MagneticFieldStrength": 3,
    "Manufacturer": "GE",
    "ManufacturersModelName": "DISCOVERY MR750",
    "Modality": "MR",
    "ParallelReductionFactorInPlane": 2,
    "ParallelReductionOutOfPlane": 1.5,
    "PatientPosition": "HFS",
    "PercentPhaseFOV": 100,
    "PercentSampling": 100,
    "PhaseEncodingAxis": "i",
    "PixelBandwidth": 244.141,
    "ProcedureStepDescription": "MRI Brain",
    "ProtocolName": "ADNI3 FMRIF Enhanced Pro",
    "ReconMatrixPE": 256,
    "RepetitionTime": 3.202,
    "SAR": 0.4608,
    "ScanOptions": "SAT_GEMS\\EDR_GEMS\\PROMO_GEMS\\ACC_GEMS\\FS\\FR_GEMS",
    "ScanningSequence": "RM",
    "SequenceVariant": "NONE",
    "SeriesDescription": "Sag_CUBE_T2",
    "SeriesNumber": 4,
    "SliceThickness": 1,
    "SoftwareVersions": "27\\LX\\MR Software release:DV26.0_R01_1725.a",
    "SpacingBetweenSlices": 1,
    "StationName": "fmrif3tb",
    "acq_id": "CUBE",
    "dataset": "ds004215",
    "modality": "T2w",
    "session_id": "01",
    "subject_id": "ON40757"
  },
  "cjv": 11.56154725112879,
  "cnr": 0.09564844560971422,
  "efc": 0.3569941651242282,
  "fber": -1.0,
  "fwhm_avg": 2.4632799999999997,
  "fwhm_x": 2.14551,
  "fwhm_y": 2.65686,
  "fwhm_z": 2.58747,
  "icvs_csf": 0.15585585930875095,
  "icvs_gm": 0.6877248279239744,
  "icvs_wm": 0.15641931276727467,
  "inu_med": 0.8708332777023315,
  "inu_range": 0.5318570137023926,
  "provenance": {
    "md5sum": "21913312beb7e8b4e9d4cbce89475eba",
    "settings": {
      "testing": false
    },
    "software": "mriqc",
    "version": "22.0.6",
    "warnings": {
      "large_rot_frame": true,
      "small_air_mask": false
    },
    "webapi_port": null,
    "webapi_url": "https://mriqc.nimh.nih.gov/api/v1"
  },
  "qi_1": 0.0,
  "qi_2": 0.009207522740671893,
  "rpve_csf": 31.755832940844574,
  "rpve_gm": 11.905253222703914,
  "rpve_wm": 50.24828572503858,
  "size_x": 204,
  "size_y": 256,
  "size_z": 256,
  "snr_csf": 6.299072513339513,
  "snr_gm": 7.9740406201564396,
  "snr_total": 4.9999589720575415,
  "snr_wm": 0.7267637826766709,
  "snrd_csf": 119.76137511966536,
  "snrd_gm": 44.74898708815228,
  "snrd_total": 72.02194317755972,
  "snrd_wm": 51.55546732486152,
  "spacing_x": 1.0,
  "spacing_y": 1.0,
  "spacing_z": 1.0,
  "summary_bg_k": 64.35000295617226,
  "summary_bg_mad": 13.154613099867479,
  "summary_bg_mean": 8.764945272875794,
  "summary_bg_median": 8.87265170365572,
  "summary_bg_n": 3469158.0,
  "summary_bg_p05": 0.0,
  "summary_bg_p95": 32.582762978971004,
  "summary_bg_stdv": 11.676615947107974,
  "summary_csf_k": 3.0912829650991815,
  "summary_csf_mad": 260.21814484947936,
  "summary_csf_mean": 2300.191350420735,
  "summary_csf_median": 2404.71229198575,
  "summary_csf_n": 1689.0,
  "summary_csf_p05": 1552.445631785691,
  "summary_csf_p95": 2663.9875779882072,
  "summary_csf_stdv": 381.64353671528465,
  "summary_gm_k": 0.2445574365525145,
  "summary_gm_mad": 109.87970942242247,
  "summary_gm_mean": 910.922475489655,
  "summary_gm_median": 898.5237452164292,
  "summary_gm_n": 386847.0,
  "summary_gm_p05": 747.0921854674816,
  "summary_gm_p95": 1115.6427516117692,
  "summary_gm_stdv": 112.68096397727201,
  "summary_wm_k": -1.775593922487207,
  "summary_wm_mad": 1470.2214641028359,
  "summary_wm_mean": 1588.5768288037798,
  "summary_wm_median": 1035.1924054920673,
  "summary_wm_n": 36052.0,
  "summary_wm_p05": 57.48583582788706,
  "summary_wm_p95": 3561.978218501433,
  "summary_wm_stdv": 1424.3665866857648,
  "tpm_overlap_csf": 0.13861263505775173,
  "tpm_overlap_gm": 0.4161779210499484,
  "tpm_overlap_wm": 0.026932594945306487,
  "wm2max": 0.2847747149260764
}