{
  "aor": 0.042378571428571425,
  "aqi": 0.0010753961428571427,
  "bids_meta": {
    "AcquisitionMatrixPE": 64,
    "AcquisitionNumber": 1,
    "AcquisitionTime": "11:00:36.000000",
    "BodyPartExamined": "BRAIN",
    "CoilString": "32Ch Head",
    "ConversionSoftware": "dcm2niix",
    "ConversionSoftwareVersion": "v1.0.20211006",
    "Dcm2bidsVersion": "2.1.6",
    "DeviceSerialNumber": "000301496mr3T5mr",
    "EchoTime": 0.0169,
    "EffectiveEchoSpacing": 0.000416,
    "FlipAngle": 90,
    "ImageOrientationPatientDICOM": [
      1,
      0,
      0,
      0,
      1,
      0
    ],
    "ImageType": [
      "ORIGINAL",
      "PRIMARY",
      "OTHER"
    ],
    "ImagingFrequency": 127.824,
    "InPlanePhaseEncodingDirectionDICOM": "COL",
    "InstitutionName": "NIH FMRIF",
    "InternalPulseSequenceName": "EPI",
    "MRAcquisitionType": "2D",
    "MagneticFieldStrength": 3,
    "Manufacturer": "GE",
    "ManufacturersModelName": "DISCOVERY MR750",
    "Modality": "MR",
    "PatientPosition": "HFS",
    "PercentPhaseFOV": 100,
    "PercentSampling": 100,
    "PhaseEncodingDirection": "j",
    "PhaseEncodingPolarityGE": "Flipped",
    "PixelBandwidth": 7812.5,
    "ProcedureStepDescription": "MRI Brain",
    "ProtocolName": "ADNI3 FMRIF Enhanced Pro",
    "PulseSequenceName": "epi",
    "ReconMatrixPE": 64,
    "RepetitionTime": 3,
    "SAR": 0.152137,
    "ScanOptions": "MP_GEMS\\EPI_GEMS\\PFF",
    "ScanningSequence": "EP\\GR",
    "SequenceVariant": "SS",
    "SeriesDescription": "Axial rsfMRI reverse blip - RKV",
    "SeriesNumber": 11,
    "SliceThickness": 3.4,
    "SliceTiming": [
      0,
      1.5,
      0.0625,
      1.5625,
      0.125,
      1.625,
      0.1875,
      1.6875,
      0.25,
      1.75,
      0.3125,
      1.8125,
      0.375,
      1.875,
      0.4375,
      1.9375,
      0.5,
      2,
      0.5625,
      2.0625,
      0.625,
      2.125,
      0.6875,
      2.1875,
      0.75,
      2.25,
      0.8125,
      2.3125,
      0.875,
      2.375,
      0.9375,
      2.4375,
      1,
      2.5,
      1.0625,
      2.5625,
      1.125,
      2.625,
      1.1875,
      2.6875,
      1.25,
      2.75,
      1.3125,
      2.8125,
      1.375,
      2.875,
      1.4375,
      2.9375
    ],
    "SoftwareVersions": "27\\LX\\MR Software release:DV26.0_R03_1831.b",
    "SpacingBetweenSlices": 3.4,
    "StationName": "FMRI3ta",
    "TaskName": "Resting state with reverse blip.",
    "TotalReadoutTime": 0.026208,
    "TriggerDelayTime": 29938,
    "dataset": "ds004215",
    "modality": "bold",
    "session_id": "01",
    "subject_id": "ON46717",
    "task_id": "rest"
  },
  "dummy_trs": 3,
  "dvars_nstd": 15.673948131666664,
  "dvars_std": 1.3455510366666665,
  "dvars_vstd": 1.5007465050000002,
  "efc": 0.4492373928364595,
  "fber": 4866.15771484375,
  "fd_mean": 0.16462468484875548,
  "fd_num": 2,
  "fd_perc": 28.571428571428573,
  "fwhm_avg": 2.854485147388344,
  "fwhm_x": 2.661986909090909,
  "fwhm_y": 2.704322909090909,
  "fwhm_z": 3.1971456239832152,
  "gcor": 0.0270708,
  "gsr_x": -0.004677679855376482,
  "gsr_y": 0.02074521593749523,
  "provenance": {
    "md5sum": "dfc3f66dcb03c1445639de9aa7060a10",
    "settings": {
      "fd_thres": 0.2,
      "testing": false
    },
    "software": "mriqc",
    "version": "22.0.6",
    "webapi_port": null,
    "webapi_url": "https://mriqc.nimh.nih.gov/api/v1"
  },
  "size_t": 7,
  "size_x": 64,
  "size_y": 64,
  "size_z": 48,
  "snr": 4.130737389458861,
  "spacing_tr": 3.0,
  "spacing_x": 3.4375,
  "spacing_y": 3.4375,
  "spacing_z": 3.4000015258789062,
  "summary_bg_k": 23.820354999941486,
  "summary_bg_mad": 9.107412820008893,
  "summary_bg_mean": 108.27079772949219,
  "summary_bg_median": 32.42857360839844,
  "summary_bg_n": 134838.0,
  "summary_bg_p05": 23.000001907348633,
  "summary_bg_p95": 541.0,
  "summary_bg_stdv": 215.8700714111328,
  "summary_fg_k": 1.9985573469814764,
  "summary_fg_mad": 476.762668535201,
  "summary_fg_mean": 2360.79833984375,
  "summary_fg_median": 2309.14306640625,
  "summary_fg_n": 24177.0,
  "summary_fg_p05": 1549.085791015625,
  "summary_fg_p95": 3325.4287109375,
  "summary_fg_stdv": 559.003173828125,
  "tsnr": 155.43241795524955
}