{
  "bids_meta": {
    "AcquisitionMatrixPE": 256,
    "AcquisitionNumber": 1,
    "AcquisitionTime": "14:11:36.000000",
    "BodyPartExamined": "BRAIN",
    "CoilString": "32Ch Head",
    "ConversionSoftware": "dcm2niix",
    "ConversionSoftwareVersion": "v1.0.20211006",
    "Dcm2bidsVersion": "2.1.6",
    "DeviceSerialNumber": "000301496MR3T6MR",
    "EchoTime": 0.00292,
    "FlipAngle": 8,
    "ImageOrientationPatientDICOM": [
      0,
      1,
      0,
      0,
      0,
      -1
    ],
    "ImageType": [
      "ORIGINAL",
      "PRIMARY",
      "OTHER"
    ],
    "ImagingFrequency": 127.697,
    "InPlanePhaseEncodingDirectionDICOM": "ROW",
    "InstitutionName": "NIH FMRIF",
    "InversionTime": 1.06,
    "MRAcquisitionType": "3D",
    "MagneticFieldStrength": 3,
    "Manufacturer": "GE",
    "ManufacturersModelName": "DISCOVERY MR750",
    "Modality": "MR",
    "ParallelReductionFactorInPlane": 2,
    "ParallelReductionOutOfPlane": 2,
    "PatientPosition": "HFS",
    "PercentPhaseFOV": 100,
    "PercentSampling": 100,
    "PixelBandwidth": 244.141,
    "ProcedureStepDescription": "MRI Brain",
    "ProtocolName": "ADNI3 FMRIF Enhanced Pro",
    "ReconMatrixPE": 256,
    "RepetitionTime": 0.006952,
    "SAR": 0.102909,
    "ScanOptions": "EDR_GEMS\\PROMO_GEMS\\FILTERED_GEMS\\ACC_GEMS\\IR_GEMS",
    "ScanningSequence": "RM",
    "SequenceVariant": "NONE",
    "SeriesDescription": "Anat T1w MP-RAGE 1mm (ABCD)",
    "SeriesNumber": 3,
    "SliceThickness": 1,
    "SoftwareVersions": "27\\LX\\MR Software release:DV26.0_R01_1725.a",
    "SpacingBetweenSlices": 1,
    "StationName": "fmrif3tb",
    "acq_id": "MPRAGE",
    "dataset": "ds004215",
    "modality": "T1w",
    "rec_id": "SCIC",
    "session_id": "01",
    "subject_id": "ON79309"
  },
  "cjv": 0.3307533602988164,
  "cnr": 4.035965961606469,
  "efc": 0.6692811554785711,
  "fber": 11676.464866863906,
  "fwhm_avg": 3.1769700000000003,
  "fwhm_x": 3.12273,
  "fwhm_y": 3.33216,
  "fwhm_z": 3.07602,
  "icvs_csf": 0.23697986172384386,
  "icvs_gm": 0.4427511044273523,
  "icvs_wm": 0.3202690338488038,
  "inu_med": 0.5206590294837952,
  "inu_range": 0.08032077550888062,
  "provenance": {
    "md5sum": "2be61eece7340c90f911ec640095db73",
    "settings": {
      "testing": false
    },
    "software": "mriqc",
    "version": "22.0.6",
    "warnings": {
      "large_rot_frame": true,
      "small_air_mask": false
    },
    "webapi_port": null,
    "webapi_url": "https://mriqc.nimh.nih.gov/api/v1"
  },
  "qi_1": 0.0,
  "qi_2": 0.003655903437903512,
  "rpve_csf": 27.37976986217198,
  "rpve_gm": 15.41180263693446,
  "rpve_wm": 24.414289288613606,
  "size_x": 208,
  "size_y": 256,
  "size_z": 256,
  "snr_csf": 1.542025826048071,
  "snr_gm": 8.430299660495173,
  "snr_total": 9.81076625838716,
  "snr_wm": 19.459973288618237,
  "snrd_csf": 13.329344546998655,
  "snrd_gm": 47.96401490166225,
  "snrd_total": 45.74210411984984,
  "snrd_wm": 75.93295291088863,
  "spacing_x": 1.0,
  "spacing_y": 1.0,
  "spacing_z": 1.0,
  "summary_bg_k": 13.711600479500163,
  "summary_bg_mad": 0.0,
  "summary_bg_mean": 4.216966240711589,
  "summary_bg_median": 0.0,
  "summary_bg_n": 647404.0,
  "summary_bg_p05": 0.0,
  "summary_bg_p95": 22.197402706369758,
  "summary_bg_stdv": 8.627827006549648,
  "summary_csf_k": 1.5192256076605792,
  "summary_csf_mad": 97.03251441283155,
  "summary_csf_mean": 204.1407748885387,
  "summary_csf_median": 175.54096957854927,
  "summary_csf_n": 30064.0,
  "summary_csf_p05": 66.0337828937918,
  "summary_csf_p95": 431.10427394509315,
  "summary_csf_stdv": 113.83599881040078,
  "summary_gm_k": 0.10289916063583471,
  "summary_gm_mad": 73.06415867689746,
  "summary_gm_mean": 630.9730832620918,
  "summary_gm_median": 631.6626936178654,
  "summary_gm_n": 29668.0,
  "summary_gm_p05": 504.7047186419368,
  "summary_gm_p95": 754.1811880525202,
  "summary_gm_stdv": 74.92640516280926,
  "summary_wm_k": 0.47920625841676046,
  "summary_wm_mad": 48.76463394979333,
  "summary_wm_mean": 998.2207032298469,
  "summary_wm_median": 999.999972237274,
  "summary_wm_n": 157239.0,
  "summary_wm_p05": 910.5681724026799,
  "summary_wm_p95": 1079.2405117098242,
  "summary_wm_stdv": 51.38736716275491,
  "tpm_overlap_csf": 0.1722195391222443,
  "tpm_overlap_gm": 0.4724509931393515,
  "tpm_overlap_wm": 0.5136129926553831,
  "wm2max": 0.6188871608778296
}