{
  "bids_meta": {
    "AcquisitionMatrixPE": 256,
    "AcquisitionNumber": 1,
    "AcquisitionTime": "14:18:13.000000",
    "BodyPartExamined": "BRAIN",
    "CoilString": "32Ch Head",
    "ConversionSoftware": "dcm2niix",
    "ConversionSoftwareVersion": "v1.0.20211006",
    "Dcm2bidsVersion": "2.1.6",
    "DeviceSerialNumber": "000301496MR3T6MR",
    "EchoTime": 0.065821,
    "EchoTrainLength": 140,
    "FlipAngle": 90,
    "ImageOrientationPatientDICOM": [
      0,
      1,
      0,
      0,
      0,
      -1
    ],
    "ImageType": [
      "ORIGINAL",
      "PRIMARY",
      "OTHER"
    ],
    "ImagingFrequency": 127.697,
    "InPlanePhaseEncodingDirectionDICOM": "ROW",
    "InstitutionName": "NIH FMRIF",
    "MRAcquisitionType": "3D",
    "MagneticFieldStrength": 3,
    "Manufacturer": "GE",
    "ManufacturersModelName": "DISCOVERY MR750",
    "Modality": "MR",
    "ParallelReductionFactorInPlane": 2,
    "ParallelReductionOutOfPlane": 1.5,
    "PatientPosition": "HFS",
    "PercentPhaseFOV": 100,
    "PercentSampling": 100,
    "PhaseEncodingAxis": "i",
    "PixelBandwidth": 244.141,
    "ProcedureStepDescription": "MRI Brain",
    "ProtocolName": "ADNI3 FMRIF Enhanced Pro",
    "ReconMatrixPE": 256,
    "RepetitionTime": 3.202,
    "SAR": 0.4593,
    "ScanOptions": "SAT_GEMS\\EDR_GEMS\\PROMO_GEMS\\ACC_GEMS\\FS\\FR_GEMS",
    "ScanningSequence": "RM",
    "SequenceVariant": "NONE",
    "SeriesDescription": "ORIG Anat T2w CUBE (ABCD)",
    "SeriesNumber": 40004,
    "SliceThickness": 1,
    "SoftwareVersions": "27\\LX\\MR Software release:DV26.0_R01_1725.a",
    "SpacingBetweenSlices": 1,
    "StationName": "fmrif3tb",
    "acq_id": "CUBE",
    "dataset": "ds004215",
    "modality": "T2w",
    "session_id": "01",
    "subject_id": "ON79309"
  },
  "cjv": 0.3562244298810928,
  "cnr": 0.8154100091208534,
  "efc": 0.38804614951887584,
  "fber": 3232.5883451018585,
  "fwhm_avg": 2.28712,
  "fwhm_x": 1.90502,
  "fwhm_y": 2.5288,
  "fwhm_z": 2.42754,
  "icvs_csf": 0.1950756265696756,
  "icvs_gm": 0.6450704949311442,
  "icvs_wm": 0.15985387849918015,
  "inu_med": 0.8547345995903015,
  "inu_range": 0.39073345661163317,
  "provenance": {
    "md5sum": "69de84f00c1efc4374aa4832ef781002",
    "settings": {
      "testing": false
    },
    "software": "mriqc",
    "version": "22.0.6",
    "warnings": {
      "large_rot_frame": true,
      "small_air_mask": false
    },
    "webapi_port": null,
    "webapi_url": "https://mriqc.nimh.nih.gov/api/v1"
  },
  "qi_1": 0.0,
  "qi_2": 0.015973875279069655,
  "rpve_csf": 27.875532458144114,
  "rpve_gm": 12.316551812623656,
  "rpve_wm": 47.850407279402276,
  "size_x": 204,
  "size_y": 256,
  "size_z": 256,
  "snr_csf": 6.180526948245698,
  "snr_gm": 9.186145400025623,
  "snr_total": 5.187099386915479,
  "snr_wm": 0.19462581247511623,
  "snrd_csf": 52.2516844587082,
  "snrd_gm": 26.635217199706094,
  "snrd_total": 27.997795245397697,
  "snrd_wm": 5.106484077778803,
  "spacing_x": 1.0,
  "spacing_y": 1.0,
  "spacing_z": 1.0,
  "summary_bg_k": 1.8911565878667487,
  "summary_bg_mad": 128.61574245536096,
  "summary_bg_mean": 106.22614406888356,
  "summary_bg_median": 86.75,
  "summary_bg_n": 3508530.0,
  "summary_bg_p05": 0.0,
  "summary_bg_p95": 300.75,
  "summary_bg_stdv": 105.82149857746582,
  "summary_csf_k": 0.6344642073204181,
  "summary_csf_mad": 1452.5795235808635,
  "summary_csf_mean": 9676.671570658931,
  "summary_csf_median": 10258.0,
  "summary_csf_n": 2413.0,
  "summary_csf_p05": 6834.9,
  "summary_csf_p95": 11583.6,
  "summary_csf_stdv": 1659.385080881278,
  "summary_gm_k": -0.0265674571975536,
  "summary_gm_mad": 579.3268168810639,
  "summary_gm_mean": 5274.026437007597,
  "summary_gm_median": 5229.0,
  "summary_gm_n": 284828.0,
  "summary_gm_p05": 4418.0,
  "summary_gm_p95": 6273.5,
  "summary_gm_stdv": 569.2257843810534,
  "summary_wm_k": 0.2059132830865198,
  "summary_wm_mad": 926.2557360113748,
  "summary_wm_mean": 3703.86875413844,
  "summary_wm_median": 1002.5,
  "summary_wm_n": 39266.0,
  "summary_wm_p05": 250.5625,
  "summary_wm_p95": 15133.125,
  "summary_wm_stdv": 5150.844184915237,
  "tpm_overlap_csf": 0.12662307281495408,
  "tpm_overlap_gm": 0.40549861394933495,
  "tpm_overlap_wm": 0.030189357817632306,
  "wm2max": 0.06619455586919559
}