{
  "bids_meta": {
    "AcquisitionMatrixPE": 256,
    "AcquisitionNumber": 1,
    "AcquisitionTime": "14:18:13.000000",
    "BodyPartExamined": "BRAIN",
    "CoilString": "32Ch Head",
    "ConversionSoftware": "dcm2niix",
    "ConversionSoftwareVersion": "v1.0.20211006",
    "Dcm2bidsVersion": "2.1.6",
    "DeviceSerialNumber": "000301496MR3T6MR",
    "EchoTime": 0.065821,
    "EchoTrainLength": 140,
    "FlipAngle": 90,
    "ImageOrientationPatientDICOM": [
      0,
      1,
      0,
      0,
      0,
      -1
    ],
    "ImageType": [
      "ORIGINAL",
      "PRIMARY",
      "OTHER"
    ],
    "ImagingFrequency": 127.697,
    "InPlanePhaseEncodingDirectionDICOM": "ROW",
    "InstitutionName": "NIH FMRIF",
    "MRAcquisitionType": "3D",
    "MagneticFieldStrength": 3,
    "Manufacturer": "GE",
    "ManufacturersModelName": "DISCOVERY MR750",
    "Modality": "MR",
    "ParallelReductionFactorInPlane": 2,
    "ParallelReductionOutOfPlane": 1.5,
    "PatientPosition": "HFS",
    "PercentPhaseFOV": 100,
    "PercentSampling": 100,
    "PhaseEncodingAxis": "i",
    "PixelBandwidth": 244.141,
    "ProcedureStepDescription": "MRI Brain",
    "ProtocolName": "ADNI3 FMRIF Enhanced Pro",
    "ReconMatrixPE": 256,
    "RepetitionTime": 3.202,
    "SAR": 0.4593,
    "ScanOptions": "SAT_GEMS\\EDR_GEMS\\PROMO_GEMS\\FILTERED_GEMS\\ACC_GEMS\\FS\\FR_GEMS",
    "ScanningSequence": "RM",
    "SequenceVariant": "NONE",
    "SeriesDescription": "Anat T2w CUBE (ABCD)",
    "SeriesNumber": 4,
    "SliceThickness": 1,
    "SoftwareVersions": "27\\LX\\MR Software release:DV26.0_R01_1725.a",
    "SpacingBetweenSlices": 1,
    "StationName": "fmrif3tb",
    "acq_id": "CUBE",
    "dataset": "ds004215",
    "modality": "T2w",
    "rec_id": "SCIC",
    "session_id": "01",
    "subject_id": "ON79309"
  },
  "cjv": 0.5805818996146586,
  "cnr": 0.6971061019081517,
  "efc": 0.4293962893845167,
  "fber": 2529.0494173602856,
  "fwhm_avg": 2.211486666666667,
  "fwhm_x": 1.82735,
  "fwhm_y": 2.50761,
  "fwhm_z": 2.2995,
  "icvs_csf": 0.1620760266786274,
  "icvs_gm": 0.6361844776784287,
  "icvs_wm": 0.20173949564294394,
  "inu_med": 0.7839736342430115,
  "inu_range": 0.14520898461341858,
  "provenance": {
    "md5sum": "9c9ba1224afcf1da51e1647cbaa63e54",
    "settings": {
      "testing": false
    },
    "software": "mriqc",
    "version": "22.0.6",
    "warnings": {
      "large_rot_frame": true,
      "small_air_mask": false
    },
    "webapi_port": null,
    "webapi_url": "https://mriqc.nimh.nih.gov/api/v1"
  },
  "qi_1": 0.0,
  "qi_2": 0.021372626646520176,
  "rpve_csf": 33.09996958000459,
  "rpve_gm": 12.454850183674928,
  "rpve_wm": 38.53785743169083,
  "size_x": 204,
  "size_y": 256,
  "size_z": 256,
  "snr_csf": 7.3301511165707,
  "snr_gm": 9.441085136651846,
  "snr_total": 5.6805014116826955,
  "snr_wm": 0.27026798182553924,
  "snrd_csf": 69.87122281239182,
  "snrd_gm": 47.19586827634739,
  "snrd_total": 43.400718816311866,
  "snrd_wm": 13.135065360196384,
  "spacing_x": 1.0,
  "spacing_y": 1.0,
  "spacing_z": 1.0,
  "summary_bg_k": 11.592812555919503,
  "summary_bg_mad": 50.051351181150004,
  "summary_bg_mean": 51.29340321280543,
  "summary_bg_median": 33.75912335515022,
  "summary_bg_n": 2812094.0,
  "summary_bg_p05": 0.0,
  "summary_bg_p95": 157.9987800270319,
  "summary_bg_stdv": 48.868256191698634,
  "summary_csf_k": 2.9831514339812477,
  "summary_csf_mad": 548.7612106978338,
  "summary_csf_mean": 5467.9921385861535,
  "summary_csf_median": 5338.047329440713,
  "summary_csf_n": 2839.0,
  "summary_csf_p05": 4532.89223742038,
  "summary_csf_p95": 6805.717613899707,
  "summary_csf_stdv": 728.1032865036003,
  "summary_gm_k": 0.05399758596215953,
  "summary_gm_mad": 380.3451776693696,
  "summary_gm_mean": 3639.7354741604136,
  "summary_gm_median": 3605.6872697025537,
  "summary_gm_n": 276326.0,
  "summary_gm_p05": 3065.54129602015,
  "summary_gm_p95": 4317.061950132251,
  "summary_gm_stdv": 381.9138047344717,
  "summary_wm_k": -1.200512441315149,
  "summary_wm_mad": 1130.4390757760634,
  "summary_wm_mean": 3315.3880399929,
  "summary_wm_median": 1003.4975451380014,
  "summary_wm_n": 50926.0,
  "summary_wm_p05": 181.8734753727913,
  "summary_wm_p95": 9444.64699703455,
  "summary_wm_stdv": 3712.935900895484,
  "tpm_overlap_csf": 0.10422325123327618,
  "tpm_overlap_gm": 0.39439330665424543,
  "tpm_overlap_wm": 0.03901318091293249,
  "wm2max": 0.10541646624851447
}