{
  "aor": 0.001041457286432161,
  "aqi": 0.0027622354271356784,
  "bids_meta": {
    "AcquisitionMatrixPE": 64,
    "AcquisitionNumber": 1,
    "AcquisitionTime": "15:54:24.000000",
    "BodyPartExamined": "BRAIN",
    "CoilString": "32Ch Head",
    "ConversionSoftware": "dcm2niix",
    "ConversionSoftwareVersion": "v1.0.20211006",
    "Dcm2bidsVersion": "2.1.6",
    "DeviceSerialNumber": "000301496MR3T6MR",
    "EchoTime": 0.0169,
    "EffectiveEchoSpacing": 0.000416,
    "FlipAngle": 90,
    "ImageOrientationPatientDICOM": [
      1,
      0,
      0,
      0,
      1,
      0
    ],
    "ImageType": [
      "ORIGINAL",
      "PRIMARY",
      "OTHER"
    ],
    "ImagingFrequency": 127.696,
    "InPlanePhaseEncodingDirectionDICOM": "COL",
    "InstitutionName": "NIH FMRIF",
    "InternalPulseSequenceName": "EPI",
    "MRAcquisitionType": "2D",
    "MagneticFieldStrength": 3,
    "Manufacturer": "GE",
    "ManufacturersModelName": "DISCOVERY MR750",
    "Modality": "MR",
    "PatientPosition": "HFS",
    "PercentPhaseFOV": 100,
    "PercentSampling": 100,
    "PhaseEncodingDirection": "j",
    "PhaseEncodingPolarityGE": "Flipped",
    "PixelBandwidth": 7812.5,
    "ProcedureStepDescription": "MRI Brain",
    "ProtocolName": "ADNI3 FMRIF Enhanced Pro",
    "PulseSequenceName": "epi",
    "ReconMatrixPE": 64,
    "RepetitionTime": 3,
    "SAR": 0.157278,
    "ScanOptions": "MP_GEMS\\EPI_GEMS\\PFF",
    "ScanningSequence": "EP\\GR",
    "SequenceVariant": "SS",
    "SeriesDescription": "Axial rsfMRI with Eyes Open - RKV",
    "SeriesNumber": 10,
    "SliceThickness": 3.4,
    "SliceTiming": [
      0,
      1.5,
      0.0625,
      1.5625,
      0.125,
      1.625,
      0.1875,
      1.6875,
      0.25,
      1.75,
      0.3125,
      1.8125,
      0.375,
      1.875,
      0.4375,
      1.9375,
      0.5,
      2,
      0.5625,
      2.0625,
      0.625,
      2.125,
      0.6875,
      2.1875,
      0.75,
      2.25,
      0.8125,
      2.3125,
      0.875,
      2.375,
      0.9375,
      2.4375,
      1,
      2.5,
      1.0625,
      2.5625,
      1.125,
      2.625,
      1.1875,
      2.6875,
      1.25,
      2.75,
      1.3125,
      2.8125,
      1.375,
      2.875,
      1.4375,
      2.9375
    ],
    "SoftwareVersions": "27\\LX\\MR Software release:DV26.0_R03_1831.b",
    "SpacingBetweenSlices": 3.4,
    "StationName": "FMRI3tb",
    "TaskName": "Resting state with eyes open.",
    "TotalReadoutTime": 0.026208,
    "TriggerDelayTime": 599938,
    "dataset": "ds004215",
    "modality": "bold",
    "session_id": "01",
    "subject_id": "ON42107",
    "task_id": "rest"
  },
  "dummy_trs": 1,
  "dvars_nstd": 9.590963636060604,
  "dvars_std": 1.0447473841919188,
  "dvars_vstd": 0.9076413153535354,
  "efc": 0.4522428890532877,
  "fber": 5445.08447265625,
  "fd_mean": 0.052989088965625285,
  "fd_num": 0,
  "fd_perc": 0.0,
  "fwhm_avg": 2.574218234187628,
  "fwhm_x": 2.5364305454545457,
  "fwhm_y": 2.438231272727273,
  "fwhm_z": 2.7479928843810657,
  "gcor": 0.0390992,
  "gsr_x": -0.01720166951417923,
  "gsr_y": 0.025468764826655388,
  "provenance": {
    "md5sum": "32372414a3ed6e85d841a294d72d562f",
    "settings": {
      "fd_thres": 0.2,
      "testing": false
    },
    "software": "mriqc",
    "version": "22.0.6",
    "webapi_port": null,
    "webapi_url": "https://mriqc.nimh.nih.gov/api/v1"
  },
  "size_t": 199,
  "size_x": 64,
  "size_y": 64,
  "size_z": 48,
  "snr": 4.649056385756845,
  "spacing_tr": 3.0,
  "spacing_x": 3.4375,
  "spacing_y": 3.4375,
  "spacing_z": 3.4000015258789062,
  "summary_bg_k": 27.43324441114775,
  "summary_bg_mad": 11.987473843100677,
  "summary_bg_mean": 123.91046142578125,
  "summary_bg_median": 34.75376892089844,
  "summary_bg_n": 135917.0,
  "summary_bg_p05": 21.602009201049807,
  "summary_bg_p95": 581.5788818359375,
  "summary_bg_stdv": 232.8154296875,
  "summary_fg_k": 0.4060799282651293,
  "summary_fg_mad": 535.6514042369154,
  "summary_fg_mean": 2590.755615234375,
  "summary_fg_median": 2533.716064453125,
  "summary_fg_n": 25704.0,
  "summary_fg_p05": 1777.2411987304688,
  "summary_fg_p95": 3541.5883178710938,
  "summary_fg_stdv": 544.9851684570312,
  "tsnr": 102.041418120265
}