{
  "aor": 0.004060954773869348,
  "aqi": 0.002288298381909548,
  "bids_meta": {
    "AcquisitionMatrixPE": 64,
    "AcquisitionNumber": 1,
    "AcquisitionTime": "15:55:5.000000",
    "BodyPartExamined": "BRAIN",
    "CoilString": "32Ch Head",
    "ConversionSoftware": "dcm2niix",
    "ConversionSoftwareVersion": "v1.0.20211006",
    "Dcm2bidsVersion": "2.1.6",
    "DeviceSerialNumber": "000301496MR3T6MR",
    "EchoTime": 0.0169,
    "EffectiveEchoSpacing": 0.000416,
    "FlipAngle": 90,
    "ImageOrientationPatientDICOM": [
      1,
      0,
      0,
      0,
      1,
      0
    ],
    "ImageType": [
      "ORIGINAL",
      "PRIMARY",
      "OTHER"
    ],
    "ImagingFrequency": 127.697,
    "InPlanePhaseEncodingDirectionDICOM": "COL",
    "InstitutionName": "NIH FMRIF",
    "InternalPulseSequenceName": "EPI",
    "MRAcquisitionType": "2D",
    "MagneticFieldStrength": 3,
    "Manufacturer": "GE",
    "ManufacturersModelName": "DISCOVERY MR750",
    "Modality": "MR",
    "PatientPosition": "HFS",
    "PercentPhaseFOV": 100,
    "PercentSampling": 100,
    "PhaseEncodingDirection": "j",
    "PhaseEncodingPolarityGE": "Flipped",
    "PixelBandwidth": 7812.5,
    "ProcedureStepDescription": "MRI Brain",
    "ProtocolName": "ADNI3 FMRIF Enhanced Pro",
    "PulseSequenceName": "epi",
    "ReconMatrixPE": 64,
    "RepetitionTime": 3,
    "SAR": 0.184126,
    "ScanOptions": "MP_GEMS\\EPI_GEMS\\PFF",
    "ScanningSequence": "EP\\GR",
    "SequenceVariant": "SS",
    "SeriesDescription": "Axial rsfMRI with Eyes Open - RKV",
    "SeriesNumber": 10,
    "SliceThickness": 3.4,
    "SliceTiming": [
      0,
      1.5,
      0.0625,
      1.5625,
      0.125,
      1.625,
      0.1875,
      1.6875,
      0.25,
      1.75,
      0.3125,
      1.8125,
      0.375,
      1.875,
      0.4375,
      1.9375,
      0.5,
      2,
      0.5625,
      2.0625,
      0.625,
      2.125,
      0.6875,
      2.1875,
      0.75,
      2.25,
      0.8125,
      2.3125,
      0.875,
      2.375,
      0.9375,
      2.4375,
      1,
      2.5,
      1.0625,
      2.5625,
      1.125,
      2.625,
      1.1875,
      2.6875,
      1.25,
      2.75,
      1.3125,
      2.8125,
      1.375,
      2.875,
      1.4375,
      2.9375
    ],
    "SoftwareVersions": "27\\LX\\MR Software release:DV26.0_R01_1725.a",
    "SpacingBetweenSlices": 3.4,
    "StationName": "fmrif3tb",
    "TaskName": "Resting state with eyes open.",
    "TotalReadoutTime": 0.026208,
    "TriggerDelayTime": 599938,
    "dataset": "ds004215",
    "modality": "bold",
    "session_id": "01",
    "subject_id": "ON02693",
    "task_id": "rest"
  },
  "dummy_trs": 1,
  "dvars_nstd": 13.738832642323231,
  "dvars_std": 1.254524372121212,
  "dvars_vstd": 1.0235810621212125,
  "efc": 0.5023098737438607,
  "fber": 3726.697265625,
  "fd_mean": 0.14237763304788933,
  "fd_num": 40,
  "fd_perc": 20.100502512562816,
  "fwhm_avg": 2.86350935677803,
  "fwhm_x": 2.604453818181818,
  "fwhm_y": 2.735866181818182,
  "fwhm_z": 3.2502080703340894,
  "gcor": 0.0461928,
  "gsr_x": -0.0019745712634176016,
  "gsr_y": 0.05078650265932083,
  "provenance": {
    "md5sum": "69383bc75982a56a4079c243731c3986",
    "settings": {
      "fd_thres": 0.2,
      "testing": false
    },
    "software": "mriqc",
    "version": "22.0.6",
    "webapi_port": null,
    "webapi_url": "https://mriqc.nimh.nih.gov/api/v1"
  },
  "size_t": 199,
  "size_x": 64,
  "size_y": 64,
  "size_z": 48,
  "snr": 3.7045131131975824,
  "spacing_tr": 3.0,
  "spacing_x": 3.4375,
  "spacing_y": 3.4375,
  "spacing_z": 3.3999977111816406,
  "summary_bg_k": 11.941507767163,
  "summary_bg_mad": 19.899649475740556,
  "summary_bg_mean": 186.1900177001953,
  "summary_bg_median": 42.085426330566406,
  "summary_bg_n": 128148.0,
  "summary_bg_p05": 22.94472312927246,
  "summary_bg_p95": 993.585656738281,
  "summary_bg_stdv": 344.7480773925781,
  "summary_fg_k": 1.497213911176,
  "summary_fg_mad": 595.0972016608663,
  "summary_fg_mean": 2618.043212890625,
  "summary_fg_median": 2520.02001953125,
  "summary_fg_n": 30049.0,
  "summary_fg_p05": 1680.474365234375,
  "summary_fg_p95": 3856.6351074218737,
  "summary_fg_stdv": 680.2454223632812,
  "tsnr": 113.9231390398927
}