{
  "aor": 0.048792222222222216,
  "aqi": 0.0015799867777777775,
  "bids_meta": {
    "AcquisitionMatrixPE": 64,
    "AcquisitionNumber": 1,
    "AcquisitionTime": "12:18:41.000000",
    "BodyPartExamined": "BRAIN",
    "CoilString": "32Ch Head",
    "ConversionSoftware": "dcm2niix",
    "ConversionSoftwareVersion": "v1.0.20211006",
    "Dcm2bidsVersion": "2.1.6",
    "DeviceSerialNumber": "000301496mr3T5mr",
    "EchoTime": 0.0169,
    "EffectiveEchoSpacing": 0.000416,
    "FlipAngle": 90,
    "ImageOrientationPatientDICOM": [
      1,
      0,
      0,
      0,
      1,
      0
    ],
    "ImageType": [
      "ORIGINAL",
      "PRIMARY",
      "OTHER"
    ],
    "ImagingFrequency": 127.824,
    "InPlanePhaseEncodingDirectionDICOM": "COL",
    "InstitutionName": "NIH FMRIF",
    "InternalPulseSequenceName": "EPI",
    "MRAcquisitionType": "2D",
    "MagneticFieldStrength": 3,
    "Manufacturer": "GE",
    "ManufacturersModelName": "DISCOVERY MR750",
    "Modality": "MR",
    "PatientPosition": "HFS",
    "PercentPhaseFOV": 100,
    "PercentSampling": 100,
    "PhaseEncodingDirection": "j",
    "PhaseEncodingPolarityGE": "Flipped",
    "PixelBandwidth": 7812.5,
    "ProcedureStepDescription": "MRI Brain",
    "ProtocolName": "ADNI3 FMRIF Enhanced Pro",
    "PulseSequenceName": "epi",
    "ReconMatrixPE": 64,
    "RepetitionTime": 3,
    "SAR": 0.149584,
    "ScanOptions": "MP_GEMS\\EPI_GEMS\\PFF",
    "ScanningSequence": "EP\\GR",
    "SequenceVariant": "SS",
    "SeriesDescription": "Axial rsfMRI reverse blip - RKV",
    "SeriesNumber": 11,
    "SliceThickness": 3.4,
    "SliceTiming": [
      0,
      1.5,
      0.0625,
      1.5625,
      0.125,
      1.625,
      0.1875,
      1.6875,
      0.25,
      1.75,
      0.3125,
      1.8125,
      0.375,
      1.875,
      0.4375,
      1.9375,
      0.5,
      2,
      0.5625,
      2.0625,
      0.625,
      2.125,
      0.6875,
      2.1875,
      0.75,
      2.25,
      0.8125,
      2.3125,
      0.875,
      2.375,
      0.9375,
      2.4375,
      1,
      2.5,
      1.0625,
      2.5625,
      1.125,
      2.625,
      1.1875,
      2.6875,
      1.25,
      2.75,
      1.3125,
      2.8125,
      1.375,
      2.875,
      1.4375,
      2.9375
    ],
    "SoftwareVersions": "27\\LX\\MR Software release:DV26.0_R03_1831.b",
    "SpacingBetweenSlices": 3.4,
    "StationName": "FMRI3ta",
    "TaskName": "Resting state with reverse blip.",
    "TotalReadoutTime": 0.026208,
    "TriggerDelayTime": 29938,
    "dataset": "ds004215",
    "modality": "bold",
    "session_id": "01",
    "subject_id": "ON18047",
    "task_id": "rest"
  },
  "dummy_trs": 1,
  "dvars_nstd": 19.95794952,
  "dvars_std": 1.51560106875,
  "dvars_vstd": 1.46066207375,
  "efc": 0.4762757915655437,
  "fber": 4815.73095703125,
  "fd_mean": 0.2367640793490129,
  "fd_num": 5,
  "fd_perc": 55.55555555555556,
  "fwhm_avg": 2.696673333412347,
  "fwhm_x": 2.689053090909091,
  "fwhm_y": 2.477312,
  "fwhm_z": 2.9236549093279507,
  "gcor": 0.0282924,
  "gsr_x": -0.009864483028650284,
  "gsr_y": 0.03768223151564598,
  "provenance": {
    "md5sum": "0d674314c1b87acd13a3bc1a601ee437",
    "settings": {
      "fd_thres": 0.2,
      "testing": false
    },
    "software": "mriqc",
    "version": "22.0.6",
    "webapi_port": null,
    "webapi_url": "https://mriqc.nimh.nih.gov/api/v1"
  },
  "size_t": 9,
  "size_x": 64,
  "size_y": 64,
  "size_z": 48,
  "snr": 4.08245521345741,
  "spacing_tr": 3.0,
  "spacing_x": 3.4375,
  "spacing_y": 3.4375,
  "spacing_z": 3.3999977111816406,
  "summary_bg_k": 22.987028245400484,
  "summary_bg_mad": 8.40141162891864,
  "summary_bg_mean": 120.90803527832031,
  "summary_bg_median": 32.33333206176758,
  "summary_bg_n": 129230.0,
  "summary_bg_p05": 20.88888931274414,
  "summary_bg_p95": 659.3333129882812,
  "summary_bg_stdv": 248.17160034179688,
  "summary_fg_k": 1.3166294636467022,
  "summary_fg_mad": 482.3398010993451,
  "summary_fg_mean": 2350.594970703125,
  "summary_fg_median": 2273.888916015625,
  "summary_fg_n": 29075.0,
  "summary_fg_p05": 1567.111083984375,
  "summary_fg_p95": 3368.5888916015615,
  "summary_fg_stdv": 556.98095703125,
  "tsnr": 127.89543233811855
}