{
  "aor": 0.004235075376884422,
  "aqi": 0.0019289150301507539,
  "bids_meta": {
    "AcquisitionMatrixPE": 64,
    "AcquisitionNumber": 1,
    "AcquisitionTime": "12:08:6.000000",
    "BodyPartExamined": "BRAIN",
    "CoilString": "32Ch Head",
    "ConversionSoftware": "dcm2niix",
    "ConversionSoftwareVersion": "v1.0.20211006",
    "Dcm2bidsVersion": "2.1.6",
    "DeviceSerialNumber": "000301496mr3T5mr",
    "EchoTime": 0.0169,
    "EffectiveEchoSpacing": 0.000416,
    "FlipAngle": 90,
    "ImageOrientationPatientDICOM": [
      1,
      0,
      0,
      0,
      1,
      0
    ],
    "ImageType": [
      "ORIGINAL",
      "PRIMARY",
      "OTHER"
    ],
    "ImagingFrequency": 127.824,
    "InPlanePhaseEncodingDirectionDICOM": "COL",
    "InstitutionName": "NIH FMRIF",
    "InternalPulseSequenceName": "EPI",
    "MRAcquisitionType": "2D",
    "MagneticFieldStrength": 3,
    "Manufacturer": "GE",
    "ManufacturersModelName": "DISCOVERY MR750",
    "Modality": "MR",
    "PatientPosition": "HFS",
    "PercentPhaseFOV": 100,
    "PercentSampling": 100,
    "PhaseEncodingDirection": "j",
    "PhaseEncodingPolarityGE": "Flipped",
    "PixelBandwidth": 7812.5,
    "ProcedureStepDescription": "MRI Brain",
    "ProtocolName": "ADNI3 FMRIF Enhanced Pro",
    "PulseSequenceName": "epi",
    "ReconMatrixPE": 64,
    "RepetitionTime": 3,
    "SAR": 0.14972,
    "ScanOptions": "MP_GEMS\\EPI_GEMS\\PFF",
    "ScanningSequence": "EP\\GR",
    "SequenceVariant": "SS",
    "SeriesDescription": "Axial rsfMRI with Eyes Open - RKV",
    "SeriesNumber": 10,
    "SliceThickness": 3.4,
    "SliceTiming": [
      0,
      1.5,
      0.0625,
      1.5625,
      0.125,
      1.625,
      0.1875,
      1.6875,
      0.25,
      1.75,
      0.3125,
      1.8125,
      0.375,
      1.875,
      0.4375,
      1.9375,
      0.5,
      2,
      0.5625,
      2.0625,
      0.625,
      2.125,
      0.6875,
      2.1875,
      0.75,
      2.25,
      0.8125,
      2.3125,
      0.875,
      2.375,
      0.9375,
      2.4375,
      1,
      2.5,
      1.0625,
      2.5625,
      1.125,
      2.625,
      1.1875,
      2.6875,
      1.25,
      2.75,
      1.3125,
      2.8125,
      1.375,
      2.875,
      1.4375,
      2.9375
    ],
    "SoftwareVersions": "27\\LX\\MR Software release:DV26.0_R03_1831.b",
    "SpacingBetweenSlices": 3.4,
    "StationName": "FMRI3ta",
    "TaskName": "Resting state with eyes open.",
    "TotalReadoutTime": 0.026208,
    "TriggerDelayTime": 599938,
    "dataset": "ds004215",
    "modality": "bold",
    "session_id": "01",
    "subject_id": "ON18047",
    "task_id": "rest"
  },
  "dummy_trs": 1,
  "dvars_nstd": 10.984660791666668,
  "dvars_std": 1.1331439303030308,
  "dvars_vstd": 0.9686638406565659,
  "efc": 0.47729853842948106,
  "fber": 4655.96337890625,
  "fd_mean": 0.10823009772744266,
  "fd_num": 27,
  "fd_perc": 13.5678391959799,
  "fwhm_avg": 2.735253012913779,
  "fwhm_x": 2.708736,
  "fwhm_y": 2.5082269090909093,
  "fwhm_z": 2.9887961296504275,
  "gcor": 0.0349272,
  "gsr_x": -0.010629573836922646,
  "gsr_y": 0.040902599692344666,
  "provenance": {
    "md5sum": "6bd841b24b305b9846a09a43acb620b4",
    "settings": {
      "fd_thres": 0.2,
      "testing": false
    },
    "software": "mriqc",
    "version": "22.0.6",
    "webapi_port": null,
    "webapi_url": "https://mriqc.nimh.nih.gov/api/v1"
  },
  "size_t": 199,
  "size_x": 64,
  "size_y": 64,
  "size_z": 48,
  "snr": 4.068787950120829,
  "spacing_tr": 3.0,
  "spacing_x": 3.4375,
  "spacing_y": 3.4375,
  "spacing_z": 3.3999977111816406,
  "summary_bg_k": 21.184211019138775,
  "summary_bg_mad": 10.072757982468637,
  "summary_bg_mean": 121.23745727539062,
  "summary_bg_median": 32.929649353027344,
  "summary_bg_n": 129001.0,
  "summary_bg_p05": 20.090452194213867,
  "summary_bg_p95": 656.6934814453125,
  "summary_bg_stdv": 244.9929962158203,
  "summary_fg_k": 1.3446199802547003,
  "summary_fg_mad": 481.03003641974,
  "summary_fg_mean": 2352.160400390625,
  "summary_fg_median": 2273.8994140625,
  "summary_fg_n": 29160.0,
  "summary_fg_p05": 1568.2311767578126,
  "summary_fg_p95": 3377.3932373046873,
  "summary_fg_stdv": 558.8544921875,
  "tsnr": 108.64158631814644
}