{
  "bids_meta": {
    "AcquisitionMatrixPE": 256,
    "AcquisitionNumber": 1,
    "AcquisitionTime": "15:15:32.000000",
    "BodyPartExamined": "BRAIN",
    "CoilString": "32Ch Head",
    "ConversionSoftware": "dcm2niix",
    "ConversionSoftwareVersion": "v1.0.20211006",
    "Dcm2bidsVersion": "2.1.6",
    "DeviceSerialNumber": "000301496MR3T6MR",
    "EchoTime": 0.065753,
    "EchoTrainLength": 140,
    "FlipAngle": 90,
    "ImageOrientationPatientDICOM": [
      0,
      1,
      0,
      0,
      0,
      -1
    ],
    "ImageType": [
      "ORIGINAL",
      "PRIMARY",
      "OTHER"
    ],
    "ImagingFrequency": 127.697,
    "InPlanePhaseEncodingDirectionDICOM": "ROW",
    "InstitutionName": "NIH FMRIF",
    "MRAcquisitionType": "3D",
    "MagneticFieldStrength": 3,
    "Manufacturer": "GE",
    "ManufacturersModelName": "DISCOVERY MR750",
    "Modality": "MR",
    "ParallelReductionFactorInPlane": 2,
    "ParallelReductionOutOfPlane": 1.5,
    "PatientPosition": "HFS",
    "PercentPhaseFOV": 100,
    "PercentSampling": 100,
    "PhaseEncodingAxis": "i",
    "PixelBandwidth": 244.141,
    "ProcedureStepDescription": "MRI Brain",
    "ProtocolName": "ADNI3 FMRIF Enhanced Pro",
    "ReconMatrixPE": 256,
    "RepetitionTime": 3.202,
    "SAR": 0.445,
    "ScanOptions": "SAT_GEMS\\EDR_GEMS\\PROMO_GEMS\\ACC_GEMS\\FS\\FR_GEMS",
    "ScanningSequence": "RM",
    "SequenceVariant": "NONE",
    "SeriesDescription": "Sag_CUBE_T2",
    "SeriesNumber": 4,
    "SliceThickness": 1,
    "SoftwareVersions": "27\\LX\\MR Software release:DV26.0_R01_1725.a",
    "SpacingBetweenSlices": 1,
    "StationName": "fmrif3tb",
    "acq_id": "CUBE",
    "dataset": "ds004215",
    "modality": "T2w",
    "session_id": "01",
    "subject_id": "ON50015"
  },
  "cjv": 0.6489065213500513,
  "cnr": 1.2499668491797722,
  "efc": 0.3630345409312822,
  "fber": -1.0,
  "fwhm_avg": 2.278296666666667,
  "fwhm_x": 1.94899,
  "fwhm_y": 2.52172,
  "fwhm_z": 2.36418,
  "icvs_csf": 0.2991942466957917,
  "icvs_gm": 0.4916452866263054,
  "icvs_wm": 0.2091604666779029,
  "inu_med": 0.883404940366745,
  "inu_range": 0.49245837330818176,
  "provenance": {
    "md5sum": "56a3b89392022206b23ad7c1de58a860",
    "settings": {
      "testing": false
    },
    "software": "mriqc",
    "version": "22.0.6",
    "warnings": {
      "large_rot_frame": true,
      "small_air_mask": false
    },
    "webapi_port": null,
    "webapi_url": "https://mriqc.nimh.nih.gov/api/v1"
  },
  "qi_1": 0.0,
  "qi_2": 0.01861409894353232,
  "rpve_csf": 20.435529966510877,
  "rpve_gm": 15.040358331828358,
  "rpve_wm": 36.81321962797372,
  "size_x": 204,
  "size_y": 256,
  "size_z": 256,
  "snr_csf": 12.046846821059589,
  "snr_gm": 11.647795499416103,
  "snr_total": 8.59378757599986,
  "snr_wm": 2.0867204075238845,
  "snrd_csf": 101.81594750264864,
  "snrd_gm": 69.48320981774536,
  "snrd_total": 115.08283446691088,
  "snrd_wm": 173.94934608033867,
  "spacing_x": 1.0,
  "spacing_y": 1.0,
  "spacing_z": 1.0,
  "summary_bg_k": 32.18512986035602,
  "summary_bg_mad": 0.0,
  "summary_bg_mean": 2.6551659276035138,
  "summary_bg_median": 0.0,
  "summary_bg_n": 4154535.0,
  "summary_bg_p05": 0.0,
  "summary_bg_p95": 9.323718294501305,
  "summary_bg_stdv": 3.7662482570032227,
  "summary_csf_k": 0.96181605304769,
  "summary_csf_mad": 44.916672651250586,
  "summary_csf_mean": 587.7370531320627,
  "summary_csf_median": 585.3195377588272,
  "summary_csf_n": 19672.0,
  "summary_csf_p05": 513.5793996751308,
  "summary_csf_p95": 671.005258782208,
  "summary_csf_stdv": 48.58571452704122,
  "summary_gm_k": 0.11645192441567254,
  "summary_gm_mad": 34.42870370710544,
  "summary_gm_mean": 399.45460837312413,
  "summary_gm_median": 399.4450893998146,
  "summary_gm_n": 186620.0,
  "summary_gm_p05": 343.05284148454666,
  "summary_gm_p95": 454.5625125616789,
  "summary_gm_stdv": 34.293529553180136,
  "summary_wm_k": -1.2407891301012592,
  "summary_wm_mad": 355.2753154878001,
  "summary_wm_mean": 790.3768002873708,
  "summary_wm_median": 1000.0000327900052,
  "summary_wm_n": 53848.0,
  "summary_wm_p05": 30.3295806773007,
  "summary_wm_p95": 1419.0961708150803,
  "summary_wm_stdv": 479.21645072578605,
  "tpm_overlap_csf": 0.10339830139627122,
  "tpm_overlap_gm": 0.31822093065299667,
  "tpm_overlap_wm": 0.03926116803066093,
  "wm2max": 0.7219645564137732
}