{
  "bids_meta": {
    "AcquisitionMatrixPE": 256,
    "AcquisitionNumber": 1,
    "AcquisitionTime": "15:09:22.000000",
    "BodyPartExamined": "BRAIN",
    "CoilString": "32Ch Head",
    "ConversionSoftware": "dcm2niix",
    "ConversionSoftwareVersion": "v1.0.20211006",
    "Dcm2bidsVersion": "2.1.6",
    "DeviceSerialNumber": "000301496MR3T6MR",
    "EchoTime": 0.003036,
    "FlipAngle": 11,
    "ImageOrientationPatientDICOM": [
      0,
      1,
      0,
      0,
      0,
      -1
    ],
    "ImageType": [
      "ORIGINAL",
      "PRIMARY",
      "OTHER"
    ],
    "ImagingFrequency": 127.697,
    "InPlanePhaseEncodingDirectionDICOM": "ROW",
    "InstitutionName": "NIH FMRIF",
    "InversionTime": 0.4,
    "MRAcquisitionType": "3D",
    "MagneticFieldStrength": 3,
    "Manufacturer": "GE",
    "ManufacturersModelName": "DISCOVERY MR750",
    "Modality": "MR",
    "ParallelReductionFactorInPlane": 1.72974,
    "PatientPosition": "HFS",
    "PercentPhaseFOV": 100,
    "PercentSampling": 100,
    "PixelBandwidth": 244.141,
    "ProcedureStepDescription": "MRI Brain",
    "ProtocolName": "ADNI3 FMRIF Enhanced Pro",
    "ReconMatrixPE": 256,
    "RepetitionTime": 0.007348,
    "SAR": 0.158632,
    "ScanOptions": "FAST_GEMS\\EDR_GEMS\\FILTERED_GEMS\\ACC_GEMS\\IR_GEMS",
    "ScanningSequence": "GR",
    "SequenceVariant": "SS\\SP\\SK",
    "SeriesDescription": "Accelerated Sagittal IR-FSPGR",
    "SeriesNumber": 3,
    "SliceThickness": 1.2,
    "SoftwareVersions": "27\\LX\\MR Software release:DV26.0_R01_1725.a",
    "SpacingBetweenSlices": 1.2,
    "SpoilingState": true,
    "StationName": "fmrif3tb",
    "acq_id": "FSPGR",
    "dataset": "ds004215",
    "modality": "T1w",
    "rec_id": "SCIC",
    "session_id": "01",
    "subject_id": "ON50015"
  },
  "cjv": 0.30470254278059944,
  "cnr": 4.499921132932624,
  "efc": 0.5352755938650935,
  "fber": -1.0,
  "fwhm_avg": 3.741849715092716,
  "fwhm_x": 3.564584065206058,
  "fwhm_y": 4.00880812738112,
  "fwhm_z": 3.6521569526909685,
  "icvs_csf": 0.22472187527526005,
  "icvs_gm": 0.4569811368957208,
  "icvs_wm": 0.31829698782901916,
  "inu_med": 0.5590944290161133,
  "inu_range": 0.1193177938461304,
  "provenance": {
    "md5sum": "88740f52169e26ce062b2bd56a6f88ae",
    "settings": {
      "testing": false
    },
    "software": "mriqc",
    "version": "22.0.6",
    "warnings": {
      "large_rot_frame": true,
      "small_air_mask": false
    },
    "webapi_port": null,
    "webapi_url": "https://mriqc.nimh.nih.gov/api/v1"
  },
  "qi_1": 0.0001233370255378799,
  "qi_2": 0.00647955594082358,
  "rpve_csf": 36.29104793266433,
  "rpve_gm": 18.889003955454402,
  "rpve_wm": 30.928512539560117,
  "size_x": 196,
  "size_y": 256,
  "size_z": 256,
  "snr_csf": 1.6896220864716103,
  "snr_gm": 9.477316174007182,
  "snr_total": 11.64325561730393,
  "snr_wm": 23.762828591433006,
  "snrd_csf": 14.76364984658146,
  "snrd_gm": 51.101443385029164,
  "snrd_total": 48.56882651685356,
  "snrd_wm": 79.84138631895006,
  "spacing_x": 1.1999969482421875,
  "spacing_y": 1.0547000169754028,
  "spacing_z": 1.0547000169754028,
  "summary_bg_k": 14.143309495098581,
  "summary_bg_mad": 0.0,
  "summary_bg_mean": 5.028926162570155,
  "summary_bg_median": 0.0,
  "summary_bg_n": 1025105.0,
  "summary_bg_p05": 0.0,
  "summary_bg_p95": 22.249910980463028,
  "summary_bg_stdv": 8.20518163392969,
  "summary_csf_k": 0.6722337145672994,
  "summary_csf_mad": 98.32993700984113,
  "summary_csf_mean": 205.243800319005,
  "summary_csf_median": 184.90566021203995,
  "summary_csf_n": 22386.0,
  "summary_csf_p05": 58.95336413383484,
  "summary_csf_p95": 417.8889280706644,
  "summary_csf_stdv": 109.4336607615863,
  "summary_gm_k": 0.04264016175782093,
  "summary_gm_mad": 68.66733658067811,
  "summary_gm_mean": 639.8299695666519,
  "summary_gm_median": 640.0142393708229,
  "summary_gm_n": 34927.0,
  "summary_gm_p05": 527.3050903081894,
  "summary_gm_p95": 748.2022065222263,
  "summary_gm_stdv": 67.53020215684158,
  "summary_wm_k": 0.12819255246448735,
  "summary_wm_mad": 41.01039240829123,
  "summary_wm_mean": 998.9593881284567,
  "summary_wm_median": 999.9643992483616,
  "summary_wm_n": 123573.0,
  "summary_wm_p05": 927.8248478710651,
  "summary_wm_p95": 1066.820931762457,
  "summary_wm_stdv": 42.08086378880879,
  "tpm_overlap_csf": 0.13786208403123806,
  "tpm_overlap_gm": 0.47848862367994094,
  "tpm_overlap_wm": 0.5035362187773402,
  "wm2max": 0.47191747450479665
}