{
  "aor": 0.019981758793969847,
  "aqi": 0.00817188447236181,
  "bids_meta": {
    "AcquisitionMatrixPE": 64,
    "AcquisitionNumber": 1,
    "AcquisitionTime": "16:01:25.000000",
    "BodyPartExamined": "BRAIN",
    "CoilString": "32Ch Head",
    "ConversionSoftware": "dcm2niix",
    "ConversionSoftwareVersion": "v1.0.20211006",
    "Dcm2bidsVersion": "2.1.6",
    "DeviceSerialNumber": "000301496MR3T6MR",
    "EchoTime": 0.0169,
    "EffectiveEchoSpacing": 0.000416,
    "FlipAngle": 90,
    "ImageOrientationPatientDICOM": [
      1,
      0,
      0,
      0,
      1,
      0
    ],
    "ImageType": [
      "ORIGINAL",
      "PRIMARY",
      "OTHER"
    ],
    "ImagingFrequency": 127.697,
    "InPlanePhaseEncodingDirectionDICOM": "COL",
    "InstitutionName": "NIH FMRIF",
    "InternalPulseSequenceName": "EPI",
    "MRAcquisitionType": "2D",
    "MagneticFieldStrength": 3,
    "Manufacturer": "GE",
    "ManufacturersModelName": "DISCOVERY MR750",
    "Modality": "MR",
    "PatientPosition": "HFS",
    "PercentPhaseFOV": 100,
    "PercentSampling": 100,
    "PhaseEncodingDirection": "j",
    "PhaseEncodingPolarityGE": "Flipped",
    "PixelBandwidth": 7812.5,
    "ProcedureStepDescription": "MRI BRAIN",
    "ProtocolName": "ADNI3 FMRIF Enhanced Pro",
    "PulseSequenceName": "epi",
    "ReconMatrixPE": 64,
    "RepetitionTime": 3,
    "SAR": 0.160109,
    "ScanOptions": "MP_GEMS\\EPI_GEMS\\PFF",
    "ScanningSequence": "EP\\GR",
    "SequenceVariant": "SS",
    "SeriesDescription": "Axial rsfMRI with Eyes Open - RKV",
    "SeriesNumber": 11,
    "SliceThickness": 3.4,
    "SliceTiming": [
      0,
      1.5,
      0.0625,
      1.5625,
      0.125,
      1.625,
      0.1875,
      1.6875,
      0.25,
      1.75,
      0.3125,
      1.8125,
      0.375,
      1.875,
      0.4375,
      1.9375,
      0.5,
      2,
      0.5625,
      2.0625,
      0.625,
      2.125,
      0.6875,
      2.1875,
      0.75,
      2.25,
      0.8125,
      2.3125,
      0.875,
      2.375,
      0.9375,
      2.4375,
      1,
      2.5,
      1.0625,
      2.5625,
      1.125,
      2.625,
      1.1875,
      2.6875,
      1.25,
      2.75,
      1.3125,
      2.8125,
      1.375,
      2.875,
      1.4375,
      2.9375
    ],
    "SoftwareVersions": "27\\LX\\MR Software release:DV26.0_R01_1725.a",
    "SpacingBetweenSlices": 3.4,
    "StationName": "fmrif3tb",
    "TaskName": "Resting state with eyes open.",
    "TotalReadoutTime": 0.026208,
    "TriggerDelayTime": 599938,
    "dataset": "ds004215",
    "modality": "bold",
    "session_id": "01",
    "subject_id": "ON62623",
    "task_id": "rest"
  },
  "dummy_trs": 1,
  "dvars_nstd": 21.206787356969695,
  "dvars_std": 0.9219596112626262,
  "dvars_vstd": 0.8837491018686869,
  "efc": 0.43457571733087813,
  "fber": 5097.638671875,
  "fd_mean": 0.4432042093405107,
  "fd_num": 96,
  "fd_perc": 48.24120603015076,
  "fwhm_avg": 2.773025864030243,
  "fwhm_x": 2.6441221818181817,
  "fwhm_y": 2.6927214545454548,
  "fwhm_z": 2.982233955727092,
  "gcor": 0.11169,
  "gsr_x": -0.010240241885185242,
  "gsr_y": 0.035516150295734406,
  "provenance": {
    "md5sum": "d5237c262083363e805ca4a8a4dfdd3a",
    "settings": {
      "fd_thres": 0.2,
      "testing": false
    },
    "software": "mriqc",
    "version": "22.0.6",
    "webapi_port": null,
    "webapi_url": "https://mriqc.nimh.nih.gov/api/v1"
  },
  "size_t": 199,
  "size_x": 64,
  "size_y": 64,
  "size_z": 48,
  "snr": 4.236962585878883,
  "spacing_tr": 3.0,
  "spacing_x": 3.4375,
  "spacing_y": 3.4375,
  "spacing_z": 3.4000015258789062,
  "summary_bg_k": 28.73630862125493,
  "summary_bg_mad": 12.158829594200387,
  "summary_bg_mean": 122.47504425048828,
  "summary_bg_median": 34.75376892089844,
  "summary_bg_n": 140084.0,
  "summary_bg_p05": 21.582914352416992,
  "summary_bg_p95": 597.225866699219,
  "summary_bg_stdv": 235.71633911132812,
  "summary_fg_k": 2.884131212277307,
  "summary_fg_mad": 450.41281655752704,
  "summary_fg_mean": 2508.440673828125,
  "summary_fg_median": 2451.57275390625,
  "summary_fg_n": 21507.0,
  "summary_fg_p05": 1692.7779052734375,
  "summary_fg_p95": 3615.8255615234375,
  "summary_fg_stdv": 578.6021728515625,
  "tsnr": 44.82572516426444
}