{
  "bids_meta": {
    "AcquisitionMatrixPE": 256,
    "AcquisitionNumber": 1,
    "AcquisitionTime": "10:55:6.000000",
    "BodyPartExamined": "BRAIN",
    "CoilString": "32Ch Head",
    "ConversionSoftware": "dcm2niix",
    "ConversionSoftwareVersion": "v1.0.20211006",
    "Dcm2bidsVersion": "2.1.6",
    "DeviceSerialNumber": "000301496mr3T5mr",
    "EchoTime": 0.066831,
    "EchoTrainLength": 140,
    "FlipAngle": 90,
    "ImageOrientationPatientDICOM": [
      0,
      1,
      0,
      0,
      0,
      -1
    ],
    "ImageType": [
      "ORIGINAL",
      "PRIMARY",
      "OTHER"
    ],
    "ImagingFrequency": 127.824,
    "InPlanePhaseEncodingDirectionDICOM": "ROW",
    "InstitutionName": "NIH FMRIF",
    "MRAcquisitionType": "3D",
    "MagneticFieldStrength": 3,
    "Manufacturer": "GE",
    "ManufacturersModelName": "DISCOVERY MR750",
    "Modality": "MR",
    "ParallelReductionFactorInPlane": 2,
    "ParallelReductionOutOfPlane": 1.5,
    "PatientPosition": "HFS",
    "PercentPhaseFOV": 100,
    "PercentSampling": 100,
    "PhaseEncodingAxis": "i",
    "PixelBandwidth": 244.141,
    "ProtocolName": "ADNI3 FMRIF Enhanced Pro",
    "ReconMatrixPE": 256,
    "RepetitionTime": 3.202,
    "SAR": 0.4346,
    "ScanOptions": "SAT_GEMS\\EDR_GEMS\\PROMO_GEMS\\FILTERED_GEMS\\ACC_GEMS\\FS\\FR_GEMS",
    "ScanningSequence": "RM",
    "SequenceVariant": "NONE",
    "SeriesDescription": "Anat T2w CUBE (ABCD)",
    "SeriesNumber": 4,
    "SliceThickness": 1,
    "SoftwareVersions": "27\\LX\\MR Software release:DV26.0_R03_1831.b",
    "SpacingBetweenSlices": 1,
    "StationName": "FMRI3ta",
    "acq_id": "CUBE",
    "dataset": "ds004215",
    "modality": "T2w",
    "rec_id": "SCIC",
    "session_id": "01",
    "subject_id": "ON01802"
  },
  "cjv": 2.351407463621971,
  "cnr": 0.3532947427381364,
  "efc": 0.4810358749065071,
  "fber": 2572.117664990093,
  "fwhm_avg": 2.2057466666666667,
  "fwhm_x": 1.84697,
  "fwhm_y": 2.54894,
  "fwhm_z": 2.22133,
  "icvs_csf": 0.35481558506818095,
  "icvs_gm": 0.465920415374295,
  "icvs_wm": 0.17926399955752406,
  "inu_med": 0.8449335098266602,
  "inu_range": 0.14215168356895436,
  "provenance": {
    "md5sum": "131be402924e395147f4d832fb5b1495",
    "settings": {
      "testing": false
    },
    "software": "mriqc",
    "version": "22.0.6",
    "warnings": {
      "large_rot_frame": true,
      "small_air_mask": false
    },
    "webapi_port": null,
    "webapi_url": "https://mriqc.nimh.nih.gov/api/v1"
  },
  "qi_1": 0.0,
  "qi_2": 0.008339934736017667,
  "rpve_csf": 16.082181961565094,
  "rpve_gm": 13.607432232139915,
  "rpve_wm": 38.51260882617832,
  "size_x": 204,
  "size_y": 256,
  "size_z": 256,
  "snr_csf": 13.300120379839601,
  "snr_gm": 13.65399657441398,
  "snr_total": 9.178899306534724,
  "snr_wm": 0.582580965350591,
  "snrd_csf": 70.77056083180358,
  "snrd_gm": 49.23310716044514,
  "snrd_total": 50.2078486018724,
  "snrd_wm": 30.61987781336849,
  "spacing_x": 1.0,
  "spacing_y": 1.0,
  "spacing_z": 1.0,
  "summary_bg_k": 15.740173436337937,
  "summary_bg_mad": 21.46563972691112,
  "summary_bg_mean": 20.52932436506146,
  "summary_bg_median": 15.117104887962341,
  "summary_bg_n": 3171845.0,
  "summary_bg_p05": 0.0,
  "summary_bg_p95": 58.12633287906647,
  "summary_bg_stdv": 17.198767098873507,
  "summary_csf_k": 0.3488484545316708,
  "summary_csf_mad": 168.25273491828864,
  "summary_csf_mean": 2321.471850882157,
  "summary_csf_median": 2318.8077507019043,
  "summary_csf_n": 43126.0,
  "summary_csf_p05": 2042.1576340198517,
  "summary_csf_p95": 2613.981643795967,
  "summary_csf_stdv": 174.34284805096445,
  "summary_gm_k": 0.1569346596741017,
  "summary_gm_mad": 118.37668967046574,
  "summary_gm_mean": 1612.5015183876121,
  "summary_gm_median": 1613.1299389600754,
  "summary_gm_n": 178696.0,
  "summary_gm_p05": 1418.0270218849182,
  "summary_gm_p95": 1803.4067380428314,
  "summary_gm_stdv": 118.14309579961672,
  "summary_wm_k": -1.7212100265656698,
  "summary_wm_mad": 1315.664834928594,
  "summary_wm_mean": 1918.669049599754,
  "summary_wm_median": 1003.2647638320923,
  "summary_wm_n": 57308.0,
  "summary_wm_p05": 109.72321200370789,
  "summary_wm_p95": 4222.189652127027,
  "summary_wm_stdv": 1722.088551108813,
  "tpm_overlap_csf": 0.10311538245509651,
  "tpm_overlap_gm": 0.29510665463780833,
  "tpm_overlap_wm": 0.024342423267972493,
  "wm2max": 0.23553719008264462
}