{
  "aor": 0.004116532663316583,
  "aqi": 0.002108640592964824,
  "bids_meta": {
    "AcquisitionMatrixPE": 64,
    "AcquisitionNumber": 1,
    "AcquisitionTime": "14:54:21.000000",
    "BodyPartExamined": "BRAIN",
    "CoilString": "32Ch Head",
    "ConversionSoftware": "dcm2niix",
    "ConversionSoftwareVersion": "v1.0.20211006",
    "Dcm2bidsVersion": "2.1.6",
    "DeviceSerialNumber": "000301496MR3T6MR",
    "EchoTime": 0.0169,
    "EffectiveEchoSpacing": 0.000416,
    "FlipAngle": 90,
    "ImageOrientationPatientDICOM": [
      1,
      0,
      0,
      0,
      1,
      0
    ],
    "ImageType": [
      "ORIGINAL",
      "PRIMARY",
      "OTHER"
    ],
    "ImagingFrequency": 127.697,
    "InPlanePhaseEncodingDirectionDICOM": "COL",
    "InstitutionName": "NIH FMRIF",
    "InternalPulseSequenceName": "EPI",
    "MRAcquisitionType": "2D",
    "MagneticFieldStrength": 3,
    "Manufacturer": "GE",
    "ManufacturersModelName": "DISCOVERY MR750",
    "Modality": "MR",
    "PatientPosition": "HFS",
    "PercentPhaseFOV": 100,
    "PercentSampling": 100,
    "PhaseEncodingDirection": "j",
    "PhaseEncodingPolarityGE": "Flipped",
    "PixelBandwidth": 7812.5,
    "ProcedureStepDescription": "MRI Brain",
    "ProtocolName": "ADNI3 FMRIF Enhanced Pro",
    "PulseSequenceName": "epi",
    "ReconMatrixPE": 64,
    "RepetitionTime": 3,
    "SAR": 0.206537,
    "ScanOptions": "MP_GEMS\\EPI_GEMS\\PFF",
    "ScanningSequence": "EP\\GR",
    "SequenceVariant": "SS",
    "SeriesDescription": "Axial rsfMRI with Eyes Open - RKV",
    "SeriesNumber": 10,
    "SliceThickness": 3.4,
    "SliceTiming": [
      0,
      1.5,
      0.0625,
      1.5625,
      0.125,
      1.625,
      0.1875,
      1.6875,
      0.25,
      1.75,
      0.3125,
      1.8125,
      0.375,
      1.875,
      0.4375,
      1.9375,
      0.5,
      2,
      0.5625,
      2.0625,
      0.625,
      2.125,
      0.6875,
      2.1875,
      0.75,
      2.25,
      0.8125,
      2.3125,
      0.875,
      2.375,
      0.9375,
      2.4375,
      1,
      2.5,
      1.0625,
      2.5625,
      1.125,
      2.625,
      1.1875,
      2.6875,
      1.25,
      2.75,
      1.3125,
      2.8125,
      1.375,
      2.875,
      1.4375,
      2.9375
    ],
    "SoftwareVersions": "27\\LX\\MR Software release:DV26.0_R03_1831.b",
    "SpacingBetweenSlices": 3.4,
    "StationName": "FMRI3tb",
    "TaskName": "Resting state with eyes open.",
    "TotalReadoutTime": 0.026208,
    "TriggerDelayTime": 599938,
    "dataset": "ds004215",
    "modality": "bold",
    "session_id": "01",
    "subject_id": "ON21976",
    "task_id": "rest"
  },
  "dummy_trs": 1,
  "dvars_nstd": 13.583331739040403,
  "dvars_std": 1.1057678453535356,
  "dvars_vstd": 0.9311713679292921,
  "efc": 0.43367330957058153,
  "fber": 5120.38134765625,
  "fd_mean": 0.11464176678760604,
  "fd_num": 14,
  "fd_perc": 7.035175879396985,
  "fwhm_avg": 2.7573108721448008,
  "fwhm_x": 2.7568407272727273,
  "fwhm_y": 2.599016727272727,
  "fwhm_z": 2.9160751618889473,
  "gcor": 0.054104,
  "gsr_x": -0.003124144161120057,
  "gsr_y": 0.030494974926114082,
  "provenance": {
    "md5sum": "d4be7d1013c175608051c50b059f9339",
    "settings": {
      "fd_thres": 0.2,
      "testing": false
    },
    "software": "mriqc",
    "version": "22.0.6",
    "webapi_port": null,
    "webapi_url": "https://mriqc.nimh.nih.gov/api/v1"
  },
  "size_t": 199,
  "size_x": 64,
  "size_y": 64,
  "size_z": 48,
  "snr": 4.2937051583674295,
  "spacing_tr": 3.0,
  "spacing_x": 3.4375,
  "spacing_y": 3.4375,
  "spacing_z": 3.4000015258789062,
  "summary_bg_k": 26.79682189942863,
  "summary_bg_mad": 10.065303798035691,
  "summary_bg_mean": 105.79069519042969,
  "summary_bg_median": 32.76382064819336,
  "summary_bg_n": 138956.0,
  "summary_bg_p05": 20.97487449645996,
  "summary_bg_p95": 466.8303909301758,
  "summary_bg_stdv": 186.39523315429688,
  "summary_fg_k": 2.005220778628172,
  "summary_fg_mad": 434.64080294227955,
  "summary_fg_mean": 2379.83642578125,
  "summary_fg_median": 2305.994873046875,
  "summary_fg_n": 23141.0,
  "summary_fg_p05": 1607.6583251953125,
  "summary_fg_p95": 3357.944580078125,
  "summary_fg_stdv": 537.052490234375,
  "tsnr": 104.56458597769961
}