{
  "aor": 0.05087111111111111,
  "aqi": 0.0008859839999999999,
  "bids_meta": {
    "AcquisitionMatrixPE": 64,
    "AcquisitionNumber": 1,
    "AcquisitionTime": "15:05:13.000000",
    "BodyPartExamined": "BRAIN",
    "CoilString": "32Ch Head",
    "ConversionSoftware": "dcm2niix",
    "ConversionSoftwareVersion": "v1.0.20211006",
    "Dcm2bidsVersion": "2.1.6",
    "DeviceSerialNumber": "000301496MR3T6MR",
    "EchoTime": 0.0169,
    "EffectiveEchoSpacing": 0.000416,
    "FlipAngle": 90,
    "ImageOrientationPatientDICOM": [
      1,
      0,
      0,
      0,
      1,
      0
    ],
    "ImageType": [
      "ORIGINAL",
      "PRIMARY",
      "OTHER"
    ],
    "ImagingFrequency": 127.697,
    "InPlanePhaseEncodingDirectionDICOM": "COL",
    "InstitutionName": "NIH FMRIF",
    "InternalPulseSequenceName": "EPI",
    "MRAcquisitionType": "2D",
    "MagneticFieldStrength": 3,
    "Manufacturer": "GE",
    "ManufacturersModelName": "DISCOVERY MR750",
    "Modality": "MR",
    "PatientPosition": "HFS",
    "PercentPhaseFOV": 100,
    "PercentSampling": 100,
    "PhaseEncodingDirection": "j-",
    "PhaseEncodingPolarityGE": "Unflipped",
    "PixelBandwidth": 7812.5,
    "ProcedureStepDescription": "MRI Brain",
    "ProtocolName": "ADNI3 FMRIF Enhanced Pro",
    "PulseSequenceName": "epi",
    "ReconMatrixPE": 64,
    "RepetitionTime": 3,
    "SAR": 0.206292,
    "ScanOptions": "MP_GEMS\\EPI_GEMS\\PFF",
    "ScanningSequence": "EP\\GR",
    "SequenceVariant": "SS",
    "SeriesDescription": "Axial rsfMRI reverse blip - RKV",
    "SeriesNumber": 11,
    "SliceThickness": 3.4,
    "SliceTiming": [
      0,
      1.5,
      0.0625,
      1.5625,
      0.125,
      1.625,
      0.1875,
      1.6875,
      0.25,
      1.75,
      0.3125,
      1.8125,
      0.375,
      1.875,
      0.4375,
      1.9375,
      0.5,
      2,
      0.5625,
      2.0625,
      0.625,
      2.125,
      0.6875,
      2.1875,
      0.75,
      2.25,
      0.8125,
      2.3125,
      0.875,
      2.375,
      0.9375,
      2.4375,
      1,
      2.5,
      1.0625,
      2.5625,
      1.125,
      2.625,
      1.1875,
      2.6875,
      1.25,
      2.75,
      1.3125,
      2.8125,
      1.375,
      2.875,
      1.4375,
      2.9375
    ],
    "SoftwareVersions": "27\\LX\\MR Software release:DV26.0_R03_1831.b",
    "SpacingBetweenSlices": 3.4,
    "StationName": "FMRI3tb",
    "TaskName": "Resting state with reverse blip.",
    "TotalReadoutTime": 0.026208,
    "TriggerDelayTime": 29938,
    "dataset": "ds004215",
    "modality": "bold",
    "session_id": "01",
    "subject_id": "ON21976",
    "task_id": "rest"
  },
  "dummy_trs": 1,
  "dvars_nstd": 11.1868302825,
  "dvars_std": 1.3990263187500003,
  "dvars_vstd": 1.43359297375,
  "efc": 0.44610536890593105,
  "fber": 4980.21923828125,
  "fd_mean": 0.062844399909467,
  "fd_num": 0,
  "fd_perc": 0.0,
  "fwhm_avg": 2.683027343218223,
  "fwhm_x": 2.592404363636364,
  "fwhm_y": 2.591508363636364,
  "fwhm_z": 2.865169302381941,
  "gcor": 0.106263,
  "gsr_x": -0.005745082162320614,
  "gsr_y": 0.041834842413663864,
  "provenance": {
    "md5sum": "0cf883cecb4b765febb0eb714b30e250",
    "settings": {
      "fd_thres": 0.2,
      "testing": false
    },
    "software": "mriqc",
    "version": "22.0.6",
    "webapi_port": null,
    "webapi_url": "https://mriqc.nimh.nih.gov/api/v1"
  },
  "size_t": 9,
  "size_x": 64,
  "size_y": 64,
  "size_z": 48,
  "snr": 4.704773310036175,
  "spacing_tr": 3.0,
  "spacing_x": 3.4375,
  "spacing_y": 3.4375,
  "spacing_z": 3.4000015258789062,
  "summary_bg_k": 28.595503191723477,
  "summary_bg_mad": 9.060343434619517,
  "summary_bg_mean": 109.36229705810547,
  "summary_bg_median": 32.33333206176758,
  "summary_bg_n": 137338.0,
  "summary_bg_p05": 22.88888931274414,
  "summary_bg_p95": 479.6666564941406,
  "summary_bg_stdv": 194.87506103515625,
  "summary_fg_k": 2.371677395854336,
  "summary_fg_mad": 376.25157677707324,
  "summary_fg_mean": 2330.7900390625,
  "summary_fg_median": 2259.22216796875,
  "summary_fg_n": 24577.0,
  "summary_fg_p05": 1634.5555419921875,
  "summary_fg_p95": 3216.1333007812495,
  "summary_fg_stdv": 480.1881103515625,
  "tsnr": 174.15981439873576
}