{
  "bids_meta": {
    "AcquisitionMatrixPE": 256,
    "AcquisitionNumber": 1,
    "AcquisitionTime": "14:06:14.000000",
    "BodyPartExamined": "BRAIN",
    "CoilString": "32Ch Head",
    "ConversionSoftware": "dcm2niix",
    "ConversionSoftwareVersion": "v1.0.20211006",
    "Dcm2bidsVersion": "2.1.6",
    "DeviceSerialNumber": "000301496MR3T6MR",
    "EchoTime": 0.00292,
    "FlipAngle": 8,
    "ImageOrientationPatientDICOM": [
      0,
      1,
      0,
      0,
      0,
      -1
    ],
    "ImageType": [
      "ORIGINAL",
      "PRIMARY",
      "OTHER"
    ],
    "ImagingFrequency": 127.696,
    "InPlanePhaseEncodingDirectionDICOM": "ROW",
    "InstitutionName": "NIH FMRIF",
    "InversionTime": 1.06,
    "MRAcquisitionType": "3D",
    "MagneticFieldStrength": 3,
    "Manufacturer": "GE",
    "ManufacturersModelName": "DISCOVERY MR750",
    "Modality": "MR",
    "ParallelReductionFactorInPlane": 2,
    "ParallelReductionOutOfPlane": 2,
    "PatientPosition": "HFS",
    "PercentPhaseFOV": 100,
    "PercentSampling": 100,
    "PixelBandwidth": 244.141,
    "ProcedureStepDescription": "MRI Brain",
    "ProtocolName": "ADNI3 FMRIF Enhanced Pro",
    "ReconMatrixPE": 256,
    "RepetitionTime": 0.006952,
    "SAR": 0.100029,
    "ScanOptions": "EDR_GEMS\\PROMO_GEMS\\FILTERED_GEMS\\ACC_GEMS\\IR_GEMS",
    "ScanningSequence": "RM",
    "SequenceVariant": "NONE",
    "SeriesDescription": "Anat T1w MP-RAGE 1mm (ABCD)",
    "SeriesNumber": 3,
    "SliceThickness": 1,
    "SoftwareVersions": "27\\LX\\MR Software release:DV26.0_R03_1831.b",
    "SpacingBetweenSlices": 1,
    "StationName": "FMRI3tb",
    "acq_id": "MPRAGE",
    "dataset": "ds004215",
    "modality": "T1w",
    "rec_id": "SCIC",
    "session_id": "01",
    "subject_id": "ON72082"
  },
  "cjv": 0.3798824444342652,
  "cnr": 3.569824764159431,
  "efc": 0.6660635718389902,
  "fber": 13152.405594781068,
  "fwhm_avg": 3.5769599999999997,
  "fwhm_x": 3.51154,
  "fwhm_y": 3.73049,
  "fwhm_z": 3.48885,
  "icvs_csf": 0.24874741454642058,
  "icvs_gm": 0.40892394873544313,
  "icvs_wm": 0.3423286367181363,
  "inu_med": 0.4456454962491989,
  "inu_range": 0.061524003744125366,
  "provenance": {
    "md5sum": "dff97018464e0954533746ee39faf555",
    "settings": {
      "testing": false
    },
    "software": "mriqc",
    "version": "22.0.6",
    "warnings": {
      "large_rot_frame": true,
      "small_air_mask": false
    },
    "webapi_port": null,
    "webapi_url": "https://mriqc.nimh.nih.gov/api/v1"
  },
  "qi_1": 0.0,
  "qi_2": 0.00519337974545422,
  "rpve_csf": 24.636780605796073,
  "rpve_gm": 14.683264871957793,
  "rpve_wm": 20.553916715311313,
  "size_x": 208,
  "size_y": 256,
  "size_z": 256,
  "snr_csf": 1.7639606898597935,
  "snr_gm": 8.810656441171941,
  "snr_total": 9.957514991088606,
  "snr_wm": 19.297927842234085,
  "snrd_csf": 11.998787728389786,
  "snrd_gm": 52.807523488894965,
  "snrd_total": 47.869637379469594,
  "snrd_wm": 78.80260092112404,
  "spacing_x": 1.0,
  "spacing_y": 1.0,
  "spacing_z": 1.0,
  "summary_bg_k": 8.285078851106377,
  "summary_bg_mad": 0.0,
  "summary_bg_mean": 4.279734915496433,
  "summary_bg_median": 0.0,
  "summary_bg_n": 765508.0,
  "summary_bg_p05": 0.0,
  "summary_bg_p95": 23.774837851524353,
  "summary_bg_stdv": 8.313639145033656,
  "summary_csf_k": 2.84096888778888,
  "summary_csf_mad": 59.82763341966193,
  "summary_csf_mean": 174.31157263598013,
  "summary_csf_median": 152.2638512402773,
  "summary_csf_n": 60800.0,
  "summary_csf_p05": 78.11316210776567,
  "summary_csf_p95": 362.77022805064917,
  "summary_csf_stdv": 86.31858971721284,
  "summary_gm_k": -0.015705595145671936,
  "summary_gm_mad": 75.46489211851942,
  "summary_gm_mean": 668.5764078508498,
  "summary_gm_median": 670.1241061091423,
  "summary_gm_n": 31407.0,
  "summary_gm_p05": 540.0034862011671,
  "summary_gm_p95": 792.5732617937027,
  "summary_gm_stdv": 76.0571521669012,
  "summary_wm_k": 0.3457361353194832,
  "summary_wm_mad": 49.84916170851254,
  "summary_wm_mean": 998.9619052044907,
  "summary_wm_median": 999.9999812990427,
  "summary_wm_n": 200961.0,
  "summary_wm_p05": 912.2428592294455,
  "summary_wm_p95": 1082.1338880434632,
  "summary_wm_stdv": 51.81890519159918,
  "tpm_overlap_csf": 0.1621291684573678,
  "tpm_overlap_gm": 0.45045397793708847,
  "tpm_overlap_wm": 0.5109421843468054,
  "wm2max": 0.5934442427864035
}