{
  "bids_meta": {
    "AcquisitionMatrixPE": 256,
    "AcquisitionNumber": 1,
    "AcquisitionTime": "14:06:14.000000",
    "BodyPartExamined": "BRAIN",
    "CoilString": "32Ch Head",
    "ConversionSoftware": "dcm2niix",
    "ConversionSoftwareVersion": "v1.0.20211006",
    "Dcm2bidsVersion": "2.1.6",
    "DeviceSerialNumber": "000301496MR3T6MR",
    "EchoTime": 0.00292,
    "FlipAngle": 8,
    "ImageOrientationPatientDICOM": [
      0,
      1,
      0,
      0,
      0,
      -1
    ],
    "ImageType": [
      "ORIGINAL",
      "PRIMARY",
      "OTHER"
    ],
    "ImagingFrequency": 127.696,
    "InPlanePhaseEncodingDirectionDICOM": "ROW",
    "InstitutionName": "NIH FMRIF",
    "InversionTime": 1.06,
    "MRAcquisitionType": "3D",
    "MagneticFieldStrength": 3,
    "Manufacturer": "GE",
    "ManufacturersModelName": "DISCOVERY MR750",
    "Modality": "MR",
    "ParallelReductionFactorInPlane": 2,
    "ParallelReductionOutOfPlane": 2,
    "PatientPosition": "HFS",
    "PercentPhaseFOV": 100,
    "PercentSampling": 100,
    "PixelBandwidth": 244.141,
    "ProcedureStepDescription": "MRI Brain",
    "ProtocolName": "ADNI3 FMRIF Enhanced Pro",
    "ReconMatrixPE": 256,
    "RepetitionTime": 0.006952,
    "SAR": 0.100029,
    "ScanOptions": "EDR_GEMS\\PROMO_GEMS\\ACC_GEMS\\IR_GEMS",
    "ScanningSequence": "RM",
    "SequenceVariant": "NONE",
    "SeriesDescription": "ORIG Anat T1w MP-RAGE 1mm (ABCD)",
    "SeriesNumber": 40003,
    "SliceThickness": 1,
    "SoftwareVersions": "27\\LX\\MR Software release:DV26.0_R03_1831.b",
    "SpacingBetweenSlices": 1,
    "StationName": "FMRI3tb",
    "acq_id": "MPRAGE",
    "dataset": "ds004215",
    "modality": "T1w",
    "session_id": "01",
    "subject_id": "ON72082"
  },
  "cjv": 0.3893442347727755,
  "cnr": 3.4499625581035254,
  "efc": 0.4232710491175171,
  "fber": 5284.807641337796,
  "fwhm_avg": 3.8612900000000003,
  "fwhm_x": 3.83058,
  "fwhm_y": 3.95151,
  "fwhm_z": 3.80178,
  "icvs_csf": 0.2428970914309292,
  "icvs_gm": 0.4072606541196173,
  "icvs_wm": 0.3498422544494535,
  "inu_med": 0.8566391468048096,
  "inu_range": 0.504932177066803,
  "provenance": {
    "md5sum": "200a41360803daa1ce078580c57e2c31",
    "settings": {
      "testing": false
    },
    "software": "mriqc",
    "version": "22.0.6",
    "warnings": {
      "large_rot_frame": true,
      "small_air_mask": false
    },
    "webapi_port": null,
    "webapi_url": "https://mriqc.nimh.nih.gov/api/v1"
  },
  "qi_1": 0.0,
  "qi_2": 0.0017349218140868615,
  "rpve_csf": 25.332709427583616,
  "rpve_gm": 14.76977230939258,
  "rpve_wm": 20.154824184419734,
  "size_x": 208,
  "size_y": 256,
  "size_z": 256,
  "snr_csf": 1.238871714299574,
  "snr_gm": 8.124633558553418,
  "snr_total": 9.299647110514004,
  "snr_wm": 18.535436058689022,
  "snrd_csf": 5.740144043960562,
  "snrd_gm": 34.01414412162743,
  "snrd_total": 30.401824542767727,
  "snrd_wm": 51.45118546271519,
  "spacing_x": 1.0,
  "spacing_y": 1.0,
  "spacing_z": 1.0,
  "summary_bg_k": 1.7221430391904384,
  "summary_bg_mad": 12.733700650774383,
  "summary_bg_mean": 10.94828819424112,
  "summary_bg_median": 8.588750571012497,
  "summary_bg_n": 3931577.0,
  "summary_bg_p05": 0.0,
  "summary_bg_p95": 32.03940776735544,
  "summary_bg_stdv": 10.890954537578496,
  "summary_csf_k": 3.0254406237564933,
  "summary_csf_mad": 59.2366760665926,
  "summary_csf_mean": 135.31338569475514,
  "summary_csf_median": 111.56955398619175,
  "summary_csf_n": 54848.0,
  "summary_csf_p05": 39.07039475440979,
  "summary_csf_p95": 336.01381523162127,
  "summary_csf_stdv": 90.05656971119343,
  "summary_gm_k": 0.035304722816067446,
  "summary_gm_mad": 80.45951048454991,
  "summary_gm_mean": 659.9407731672708,
  "summary_gm_median": 661.1232853755355,
  "summary_gm_n": 26221.0,
  "summary_gm_p05": 523.0296487435699,
  "summary_gm_p95": 792.3964436128736,
  "summary_gm_stdv": 81.3711380013431,
  "summary_wm_k": 0.4562976533483414,
  "summary_wm_mad": 51.49658351416111,
  "summary_wm_mean": 998.8277935610549,
  "summary_wm_median": 1000.0421191826463,
  "summary_wm_n": 199214.0,
  "summary_wm_p05": 908.6392883509398,
  "summary_wm_p95": 1085.0875905230641,
  "summary_wm_stdv": 53.952850423565884,
  "tpm_overlap_csf": 0.16212012972974613,
  "tpm_overlap_gm": 0.4474489234600532,
  "tpm_overlap_wm": 0.507740683475994,
  "wm2max": 0.45433331420592565
}