{
  "aor": 0.05685222222222223,
  "aqi": 0.0031994774444444444,
  "bids_meta": {
    "AcquisitionMatrixPE": 64,
    "AcquisitionNumber": 1,
    "AcquisitionTime": "09:31:57.000000",
    "BodyPartExamined": "BRAIN",
    "CoilString": "32Ch Head",
    "ConversionSoftware": "dcm2niix",
    "ConversionSoftwareVersion": "v1.0.20211006",
    "Dcm2bidsVersion": "2.1.6",
    "DeviceSerialNumber": "000301496mr3T5mr",
    "EchoTime": 0.0169,
    "EffectiveEchoSpacing": 0.000416,
    "FlipAngle": 90,
    "ImageOrientationPatientDICOM": [
      1,
      0,
      0,
      0,
      1,
      0
    ],
    "ImageType": [
      "ORIGINAL",
      "PRIMARY",
      "OTHER"
    ],
    "ImagingFrequency": 127.824,
    "InPlanePhaseEncodingDirectionDICOM": "COL",
    "InstitutionName": "NIH FMRIF",
    "InternalPulseSequenceName": "EPI",
    "MRAcquisitionType": "2D",
    "MagneticFieldStrength": 3,
    "Manufacturer": "GE",
    "ManufacturersModelName": "DISCOVERY MR750",
    "Modality": "MR",
    "PatientPosition": "HFS",
    "PercentPhaseFOV": 100,
    "PercentSampling": 100,
    "PhaseEncodingDirection": "j-",
    "PhaseEncodingPolarityGE": "Unflipped",
    "PixelBandwidth": 7812.5,
    "ProcedureStepDescription": "MRI Brain",
    "ProtocolName": "ADNI3 FMRIF Enhanced Pro",
    "PulseSequenceName": "epi",
    "ReconMatrixPE": 64,
    "RepetitionTime": 3,
    "SAR": 0.162476,
    "ScanOptions": "MP_GEMS\\EPI_GEMS\\PFF",
    "ScanningSequence": "EP\\GR",
    "SequenceVariant": "SS",
    "SeriesDescription": "Axial rsfMRI reverse blip - RKV",
    "SeriesNumber": 11,
    "SliceThickness": 3.4,
    "SliceTiming": [
      0,
      1.5,
      0.0625,
      1.5625,
      0.125,
      1.625,
      0.1875,
      1.6875,
      0.25,
      1.75,
      0.3125,
      1.8125,
      0.375,
      1.875,
      0.4375,
      1.9375,
      0.5,
      2,
      0.5625,
      2.0625,
      0.625,
      2.125,
      0.6875,
      2.1875,
      0.75,
      2.25,
      0.8125,
      2.3125,
      0.875,
      2.375,
      0.9375,
      2.4375,
      1,
      2.5,
      1.0625,
      2.5625,
      1.125,
      2.625,
      1.1875,
      2.6875,
      1.25,
      2.75,
      1.3125,
      2.8125,
      1.375,
      2.875,
      1.4375,
      2.9375
    ],
    "SoftwareVersions": "27\\LX\\MR Software release:DV26.0_R03_1831.b",
    "SpacingBetweenSlices": 3.4,
    "StationName": "FMRI3ta",
    "TaskName": "Resting state with reverse blip.",
    "TotalReadoutTime": 0.026208,
    "TriggerDelayTime": 29938,
    "dataset": "ds004215",
    "modality": "bold",
    "session_id": "01",
    "subject_id": "ON47254",
    "task_id": "rest"
  },
  "dummy_trs": 1,
  "dvars_nstd": 31.470974685,
  "dvars_std": 1.8706779262499997,
  "dvars_vstd": 1.8880342325,
  "efc": 0.5120688600844887,
  "fber": 4185.61376953125,
  "fd_mean": 0.3262628733994583,
  "fd_num": 6,
  "fd_perc": 66.66666666666667,
  "fwhm_avg": 2.5464999158223844,
  "fwhm_x": 2.480122181818182,
  "fwhm_y": 2.499525818181818,
  "fwhm_z": 2.659851747467154,
  "gcor": 0.0552102,
  "gsr_x": -0.001919969916343689,
  "gsr_y": 0.0797472670674324,
  "provenance": {
    "md5sum": "926bb5272c36b0fc1b289378b570eee5",
    "settings": {
      "fd_thres": 0.2,
      "testing": false
    },
    "software": "mriqc",
    "version": "22.0.6",
    "webapi_port": null,
    "webapi_url": "https://mriqc.nimh.nih.gov/api/v1"
  },
  "size_t": 9,
  "size_x": 64,
  "size_y": 64,
  "size_z": 48,
  "snr": 4.3338643939300505,
  "spacing_tr": 3.0,
  "spacing_x": 3.4375,
  "spacing_y": 3.4375,
  "spacing_z": 3.4000015258789062,
  "summary_bg_k": 11.668539907870365,
  "summary_bg_mad": 12.355016602320473,
  "summary_bg_mean": 194.04869079589844,
  "summary_bg_median": 36.33333206176758,
  "summary_bg_n": 127180.0,
  "summary_bg_p05": 23.66666603088379,
  "summary_bg_p95": 1120.5555419921875,
  "summary_bg_stdv": 391.4037780761719,
  "summary_fg_k": 2.1958338878550236,
  "summary_fg_mad": 484.81092545133185,
  "summary_fg_mean": 2429.908447265625,
  "summary_fg_median": 2365.0,
  "summary_fg_n": 30132.0,
  "summary_fg_p05": 1625.111083984375,
  "summary_fg_p95": 3364.444580078125,
  "summary_fg_stdv": 545.6932983398438,
  "tsnr": 81.689030517824
}