{
  "aor": 0.004436532663316582,
  "aqi": 0.0019856944020100503,
  "bids_meta": {
    "AcquisitionMatrixPE": 64,
    "AcquisitionNumber": 1,
    "AcquisitionTime": "15:07:1.000000",
    "BodyPartExamined": "BRAIN",
    "CoilString": "32Ch Head",
    "ConversionSoftware": "dcm2niix",
    "ConversionSoftwareVersion": "v1.0.20211006",
    "Dcm2bidsVersion": "2.1.6",
    "DeviceSerialNumber": "000301496MR3T6MR",
    "EchoTime": 0.0169,
    "EffectiveEchoSpacing": 0.000416,
    "FlipAngle": 90,
    "ImageOrientationPatientDICOM": [
      1,
      0,
      0,
      0,
      1,
      0
    ],
    "ImageType": [
      "ORIGINAL",
      "PRIMARY",
      "OTHER"
    ],
    "ImagingFrequency": 127.697,
    "InPlanePhaseEncodingDirectionDICOM": "COL",
    "InstitutionName": "NIH FMRIF",
    "InternalPulseSequenceName": "EPI",
    "MRAcquisitionType": "2D",
    "MagneticFieldStrength": 3,
    "Manufacturer": "GE",
    "ManufacturersModelName": "DISCOVERY MR750",
    "Modality": "MR",
    "PatientPosition": "HFS",
    "PercentPhaseFOV": 100,
    "PercentSampling": 100,
    "PhaseEncodingDirection": "j",
    "PhaseEncodingPolarityGE": "Flipped",
    "PixelBandwidth": 7812.5,
    "ProcedureStepDescription": "MRI Brain",
    "ProtocolName": "ADNI3 FMRIF Enhanced Pro",
    "PulseSequenceName": "epi",
    "ReconMatrixPE": 64,
    "RepetitionTime": 3,
    "SAR": 0.149543,
    "ScanOptions": "MP_GEMS\\EPI_GEMS\\PFF",
    "ScanningSequence": "EP\\GR",
    "SequenceVariant": "SS",
    "SeriesDescription": "Axial rsfMRI with Eyes Open - RKV",
    "SeriesNumber": 11,
    "SliceThickness": 3.4,
    "SliceTiming": [
      0,
      1.5,
      0.0625,
      1.5625,
      0.125,
      1.625,
      0.1875,
      1.6875,
      0.25,
      1.75,
      0.3125,
      1.8125,
      0.375,
      1.875,
      0.4375,
      1.9375,
      0.5,
      2,
      0.5625,
      2.0625,
      0.625,
      2.125,
      0.6875,
      2.1875,
      0.75,
      2.25,
      0.8125,
      2.3125,
      0.875,
      2.375,
      0.9375,
      2.4375,
      1,
      2.5,
      1.0625,
      2.5625,
      1.125,
      2.625,
      1.1875,
      2.6875,
      1.25,
      2.75,
      1.3125,
      2.8125,
      1.375,
      2.875,
      1.4375,
      2.9375
    ],
    "SoftwareVersions": "27\\LX\\MR Software release:DV26.0_R01_1725.a",
    "SpacingBetweenSlices": 3.4,
    "StationName": "fmrif3tb",
    "TaskName": "Resting state with eyes open.",
    "TotalReadoutTime": 0.026208,
    "TriggerDelayTime": 599938,
    "dataset": "ds004215",
    "modality": "bold",
    "session_id": "01",
    "subject_id": "ON05311",
    "task_id": "rest"
  },
  "dummy_trs": 1,
  "dvars_nstd": 11.248981707171712,
  "dvars_std": 1.1341493903030297,
  "dvars_vstd": 0.9385769641919196,
  "efc": 0.47526090468810545,
  "fber": 4924.0478515625,
  "fd_mean": 0.05917344516395296,
  "fd_num": 6,
  "fd_perc": 3.0150753768844223,
  "fwhm_avg": 2.8421922648717874,
  "fwhm_x": 2.8363054545454545,
  "fwhm_y": 2.5992727272727274,
  "fwhm_z": 3.0909986127971814,
  "gcor": 0.0379684,
  "gsr_x": -0.0037649788428097963,
  "gsr_y": 0.04546665772795677,
  "provenance": {
    "md5sum": "1470e380afb704c80a4f7328a8b41c44",
    "settings": {
      "fd_thres": 0.2,
      "testing": false
    },
    "software": "mriqc",
    "version": "22.0.6",
    "webapi_port": null,
    "webapi_url": "https://mriqc.nimh.nih.gov/api/v1"
  },
  "size_t": 199,
  "size_x": 64,
  "size_y": 64,
  "size_z": 48,
  "snr": 3.539277647847558,
  "spacing_tr": 3.0,
  "spacing_x": 3.4375,
  "spacing_y": 3.4375,
  "spacing_z": 3.4000015258789062,
  "summary_bg_k": 18.62971767500967,
  "summary_bg_mad": 10.616623592544014,
  "summary_bg_mean": 134.67550659179688,
  "summary_bg_median": 34.62813949584961,
  "summary_bg_n": 129810.0,
  "summary_bg_p05": 22.64321517944336,
  "summary_bg_p95": 675.5514892578122,
  "summary_bg_stdv": 256.9372253417969,
  "summary_fg_k": 2.8140124100640405,
  "summary_fg_mad": 559.6710261286069,
  "summary_fg_mean": 2538.489013671875,
  "summary_fg_median": 2418.3642578125,
  "summary_fg_n": 29560.0,
  "summary_fg_p05": 1636.8728393554688,
  "summary_fg_p95": 3765.4828002929685,
  "summary_fg_stdv": 683.2816162109375,
  "tsnr": 109.2324232547544
}