{
  "aor": 0.037559999999999996,
  "aqi": 0.0006686907777777778,
  "bids_meta": {
    "AcquisitionMatrixPE": 64,
    "AcquisitionNumber": 1,
    "AcquisitionTime": "15:18:10.000000",
    "BodyPartExamined": "BRAIN",
    "CoilString": "32Ch Head",
    "ConversionSoftware": "dcm2niix",
    "ConversionSoftwareVersion": "v1.0.20211006",
    "Dcm2bidsVersion": "2.1.6",
    "DeviceSerialNumber": "000301496MR3T6MR",
    "EchoTime": 0.0169,
    "EffectiveEchoSpacing": 0.000416,
    "FlipAngle": 90,
    "ImageOrientationPatientDICOM": [
      1,
      0,
      0,
      0,
      1,
      0
    ],
    "ImageType": [
      "ORIGINAL",
      "PRIMARY",
      "OTHER"
    ],
    "ImagingFrequency": 127.697,
    "InPlanePhaseEncodingDirectionDICOM": "COL",
    "InstitutionName": "NIH FMRIF",
    "InternalPulseSequenceName": "EPI",
    "MRAcquisitionType": "2D",
    "MagneticFieldStrength": 3,
    "Manufacturer": "GE",
    "ManufacturersModelName": "DISCOVERY MR750",
    "Modality": "MR",
    "PatientPosition": "HFS",
    "PercentPhaseFOV": 100,
    "PercentSampling": 100,
    "PhaseEncodingDirection": "j-",
    "PhaseEncodingPolarityGE": "Unflipped",
    "PixelBandwidth": 7812.5,
    "ProcedureStepDescription": "MRI Brain",
    "ProtocolName": "ADNI3 FMRIF Enhanced Pro",
    "PulseSequenceName": "epi",
    "ReconMatrixPE": 64,
    "RepetitionTime": 3,
    "SAR": 0.149543,
    "ScanOptions": "MP_GEMS\\EPI_GEMS\\PFF",
    "ScanningSequence": "EP\\GR",
    "SequenceVariant": "SS",
    "SeriesDescription": "Axial rsfMRI reverse blip - RKV",
    "SeriesNumber": 12,
    "SliceThickness": 3.4,
    "SliceTiming": [
      0,
      1.5,
      0.0625,
      1.5625,
      0.125,
      1.625,
      0.1875,
      1.6875,
      0.25,
      1.75,
      0.3125,
      1.8125,
      0.375,
      1.875,
      0.4375,
      1.9375,
      0.5,
      2,
      0.5625,
      2.0625,
      0.625,
      2.125,
      0.6875,
      2.1875,
      0.75,
      2.25,
      0.8125,
      2.3125,
      0.875,
      2.375,
      0.9375,
      2.4375,
      1,
      2.5,
      1.0625,
      2.5625,
      1.125,
      2.625,
      1.1875,
      2.6875,
      1.25,
      2.75,
      1.3125,
      2.8125,
      1.375,
      2.875,
      1.4375,
      2.9375
    ],
    "SoftwareVersions": "27\\LX\\MR Software release:DV26.0_R01_1725.a",
    "SpacingBetweenSlices": 3.4,
    "StationName": "fmrif3tb",
    "TaskName": "Resting state with reverse blip.",
    "TotalReadoutTime": 0.026208,
    "TriggerDelayTime": 29938,
    "dataset": "ds004215",
    "modality": "bold",
    "session_id": "01",
    "subject_id": "ON05311",
    "task_id": "rest"
  },
  "dummy_trs": 1,
  "dvars_nstd": 12.032051206250001,
  "dvars_std": 1.4354329712499998,
  "dvars_vstd": 1.39100344375,
  "efc": 0.4765840024154463,
  "fber": 5253.3505859375,
  "fd_mean": 0.0370029182754925,
  "fd_num": 0,
  "fd_perc": 0.0,
  "fwhm_avg": 2.7341531952195948,
  "fwhm_x": 2.6664290909090913,
  "fwhm_y": 2.6824523636363633,
  "fwhm_z": 2.85357813111333,
  "gcor": 0.0501519,
  "gsr_x": -0.005359100177884102,
  "gsr_y": 0.04385228827595711,
  "provenance": {
    "md5sum": "794361b376a2db4325a235dbcf28263b",
    "settings": {
      "fd_thres": 0.2,
      "testing": false
    },
    "software": "mriqc",
    "version": "22.0.6",
    "webapi_port": null,
    "webapi_url": "https://mriqc.nimh.nih.gov/api/v1"
  },
  "size_t": 9,
  "size_x": 64,
  "size_y": 64,
  "size_z": 48,
  "snr": 4.17648690241485,
  "spacing_tr": 3.0,
  "spacing_x": 3.4375,
  "spacing_y": 3.4375,
  "spacing_z": 3.4000015258789062,
  "summary_bg_k": 17.96905693352095,
  "summary_bg_mad": 9.38981216530927,
  "summary_bg_mean": 129.1249237060547,
  "summary_bg_median": 34.11111068725586,
  "summary_bg_n": 129627.0,
  "summary_bg_p05": 24.88888931274414,
  "summary_bg_p95": 660.2666625976556,
  "summary_bg_stdv": 244.86346435546875,
  "summary_fg_k": 1.5532433377404464,
  "summary_fg_mad": 525.1705720743328,
  "summary_fg_mean": 2554.8916015625,
  "summary_fg_median": 2470.22216796875,
  "summary_fg_n": 29589.0,
  "summary_fg_p05": 1720.7555419921875,
  "summary_fg_p95": 3607.22216796875,
  "summary_fg_stdv": 591.4493408203125,
  "tsnr": 202.44372233003378
}