{
  "bids_meta": {
    "AcquisitionMatrixPE": 256,
    "AcquisitionNumber": 1,
    "AcquisitionTime": "14:24:32.000000",
    "BodyPartExamined": "BRAIN",
    "CoilString": "32Ch Head",
    "ConversionSoftware": "dcm2niix",
    "ConversionSoftwareVersion": "v1.0.20211006",
    "Dcm2bidsVersion": "2.1.6",
    "DeviceSerialNumber": "000301496MR3T6MR",
    "EchoTime": 0.059405,
    "EchoTrainLength": 140,
    "FlipAngle": 90,
    "ImageOrientationPatientDICOM": [
      0,
      1,
      0,
      0,
      0,
      -1
    ],
    "ImageType": [
      "ORIGINAL",
      "PRIMARY",
      "OTHER"
    ],
    "ImagingFrequency": 127.696,
    "InPlanePhaseEncodingDirectionDICOM": "ROW",
    "InstitutionName": "NIH FMRIF",
    "MRAcquisitionType": "3D",
    "MagneticFieldStrength": 3,
    "Manufacturer": "GE",
    "ManufacturersModelName": "DISCOVERY MR750",
    "Modality": "MR",
    "ParallelReductionFactorInPlane": 2,
    "ParallelReductionOutOfPlane": 1.5,
    "PatientPosition": "HFS",
    "PercentPhaseFOV": 100,
    "PercentSampling": 100,
    "PhaseEncodingAxis": "i",
    "PixelBandwidth": 244.141,
    "ProcedureStepDescription": "MRI Brain",
    "ProtocolName": "ADNI3 FMRIF Enhanced Pro",
    "ReconMatrixPE": 256,
    "RepetitionTime": 3.202,
    "SAR": 0.3665,
    "ScanOptions": "SAT_GEMS\\EDR_GEMS\\PROMO_GEMS\\FILTERED_GEMS\\ACC_GEMS\\FS\\FR_GEMS",
    "ScanningSequence": "RM",
    "SequenceVariant": "NONE",
    "SeriesDescription": "Anat T2w CUBE (ABCD)",
    "SeriesNumber": 4,
    "SliceThickness": 1,
    "SoftwareVersions": "27\\LX\\MR Software release:DV26.0_R03_1831.b",
    "SpacingBetweenSlices": 1,
    "StationName": "FMRI3tb",
    "acq_id": "CUBE",
    "dataset": "ds004215",
    "modality": "T2w",
    "rec_id": "SCIC",
    "session_id": "01",
    "subject_id": "ON11111"
  },
  "cjv": 0.4964004693696148,
  "cnr": 1.3130338315584766,
  "efc": 0.4698442067230661,
  "fber": 1850.9958979548992,
  "fwhm_avg": 2.441546666666667,
  "fwhm_x": 1.93261,
  "fwhm_y": 2.83421,
  "fwhm_z": 2.55782,
  "icvs_csf": 0.22717440136199948,
  "icvs_gm": 0.5411124412327707,
  "icvs_wm": 0.23171315740522988,
  "inu_med": 0.7598594427108765,
  "inu_range": 0.14839795231819153,
  "provenance": {
    "md5sum": "8ceac049f6257e15e37556794c6b1369",
    "settings": {
      "testing": false
    },
    "software": "mriqc",
    "version": "22.0.6",
    "warnings": {
      "large_rot_frame": true,
      "small_air_mask": false
    },
    "webapi_port": null,
    "webapi_url": "https://mriqc.nimh.nih.gov/api/v1"
  },
  "qi_1": 0.0,
  "qi_2": 0.007246071739315963,
  "rpve_csf": 23.067559921236676,
  "rpve_gm": 12.509638776175382,
  "rpve_wm": 29.18385343917892,
  "size_x": 204,
  "size_y": 256,
  "size_z": 256,
  "snr_csf": 11.192079167016553,
  "snr_gm": 10.800180956105184,
  "snr_total": 8.059050627708922,
  "snr_wm": 2.18489176000503,
  "snrd_csf": 60.922187690457484,
  "snrd_gm": 44.20535627366038,
  "snrd_total": 72.15853404480318,
  "snrd_wm": 111.34805817029164,
  "spacing_x": 1.0,
  "spacing_y": 1.0,
  "spacing_z": 1.0,
  "summary_bg_k": 54.27194275160544,
  "summary_bg_mad": 5.884244596046114,
  "summary_bg_mean": 6.294551658863166,
  "summary_bg_median": 3.9688626676797867,
  "summary_bg_n": 2996555.0,
  "summary_bg_p05": 0.0,
  "summary_bg_p95": 21.224787309765816,
  "summary_bg_stdv": 8.623334221528484,
  "summary_csf_k": 0.5758362708517923,
  "summary_csf_mad": 46.107462486892736,
  "summary_csf_mean": 548.59845313109,
  "summary_csf_median": 547.185370400548,
  "summary_csf_n": 8755.0,
  "summary_csf_p05": 471.8287474885583,
  "summary_csf_p95": 630.0905016809701,
  "summary_csf_stdv": 48.8876205631441,
  "summary_gm_k": -0.056314010555863714,
  "summary_gm_mad": 37.1247509296436,
  "summary_gm_mean": 397.5091566654689,
  "summary_gm_median": 397.0396527647972,
  "summary_gm_n": 214541.0,
  "summary_gm_p05": 338.5804147273302,
  "summary_gm_p95": 459.0267687290907,
  "summary_gm_stdv": 36.76222917503906,
  "summary_wm_k": -1.3917055539807988,
  "summary_wm_mad": 262.23263960640287,
  "summary_wm_mean": 752.4148105354892,
  "summary_wm_median": 1000.0958725064993,
  "summary_wm_n": 84477.0,
  "summary_wm_p05": 34.03251804411411,
  "summary_wm_p95": 1190.5629340559244,
  "summary_wm_stdv": 457.7297472843425,
  "tpm_overlap_csf": 0.09363199666279047,
  "tpm_overlap_gm": 0.3394289143303634,
  "tpm_overlap_wm": 0.054103933343955954,
  "wm2max": 0.8371074128163567
}