{
  "bids_meta": {
    "AcquisitionMatrixPE": 256,
    "AcquisitionNumber": 1,
    "AcquisitionTime": "14:17:29.000000",
    "BodyPartExamined": "BRAIN",
    "CoilString": "32Ch Head",
    "ConversionSoftware": "dcm2niix",
    "ConversionSoftwareVersion": "v1.0.20211006",
    "Dcm2bidsVersion": "2.1.6",
    "DeviceSerialNumber": "000301496MR3T6MR",
    "EchoTime": 0.00292,
    "FlipAngle": 8,
    "ImageOrientationPatientDICOM": [
      0,
      1,
      0,
      0,
      0,
      -1
    ],
    "ImageType": [
      "ORIGINAL",
      "PRIMARY",
      "OTHER"
    ],
    "ImagingFrequency": 127.696,
    "InPlanePhaseEncodingDirectionDICOM": "ROW",
    "InstitutionName": "NIH FMRIF",
    "InversionTime": 1.06,
    "MRAcquisitionType": "3D",
    "MagneticFieldStrength": 3,
    "Manufacturer": "GE",
    "ManufacturersModelName": "DISCOVERY MR750",
    "Modality": "MR",
    "ParallelReductionFactorInPlane": 2,
    "ParallelReductionOutOfPlane": 2,
    "PatientPosition": "HFS",
    "PercentPhaseFOV": 100,
    "PercentSampling": 100,
    "PixelBandwidth": 244.141,
    "ProcedureStepDescription": "MRI Brain",
    "ProtocolName": "ADNI3 FMRIF Enhanced Pro",
    "ReconMatrixPE": 256,
    "RepetitionTime": 0.006952,
    "SAR": 0.138571,
    "ScanOptions": "EDR_GEMS\\PROMO_GEMS\\ACC_GEMS\\IR_GEMS",
    "ScanningSequence": "RM",
    "SequenceVariant": "NONE",
    "SeriesDescription": "ORIG Anat T1w MP-RAGE 1mm (ABCD)",
    "SeriesNumber": 40003,
    "SliceThickness": 1,
    "SoftwareVersions": "27\\LX\\MR Software release:DV26.0_R03_1831.b",
    "SpacingBetweenSlices": 1,
    "StationName": "FMRI3tb",
    "acq_id": "MPRAGE",
    "dataset": "ds004215",
    "modality": "T1w",
    "session_id": "01",
    "subject_id": "ON11111"
  },
  "cjv": 0.4412297850165252,
  "cnr": 3.0599355310628296,
  "efc": 0.4526387406035653,
  "fber": 3146.9247522263713,
  "fwhm_avg": 4.00451,
  "fwhm_x": 3.88018,
  "fwhm_y": 4.15202,
  "fwhm_z": 3.98133,
  "icvs_csf": 0.22436384609130952,
  "icvs_gm": 0.39618874378852237,
  "icvs_wm": 0.37944741012016814,
  "inu_med": 0.9324378371238708,
  "inu_range": 0.7899360299110411,
  "provenance": {
    "md5sum": "eaf585ce128b3781288eb436038c0f7b",
    "settings": {
      "testing": false
    },
    "software": "mriqc",
    "version": "22.0.6",
    "warnings": {
      "large_rot_frame": true,
      "small_air_mask": false
    },
    "webapi_port": null,
    "webapi_url": "https://mriqc.nimh.nih.gov/api/v1"
  },
  "qi_1": 0.0,
  "qi_2": 0.0012459427948579157,
  "rpve_csf": 27.310250580495357,
  "rpve_gm": 15.061159302289168,
  "rpve_wm": 18.702819528371307,
  "size_x": 208,
  "size_y": 256,
  "size_z": 256,
  "snr_csf": 1.3735980483900194,
  "snr_gm": 7.127382718957056,
  "snr_total": 8.043242849717055,
  "snr_wm": 15.62874778180409,
  "snrd_csf": 4.801792949679914,
  "snrd_gm": 25.136256835563692,
  "snrd_total": 22.786095051057774,
  "snrd_wm": 38.42023536792972,
  "spacing_x": 1.0,
  "spacing_y": 1.0,
  "spacing_z": 1.0,
  "summary_bg_k": 2.6487075437485146,
  "summary_bg_mad": 17.051858639234542,
  "summary_bg_mean": 15.335877885968834,
  "summary_bg_median": 11.501303873956203,
  "summary_bg_n": 3699893.0,
  "summary_bg_p05": 0.0,
  "summary_bg_p95": 44.62505903095007,
  "summary_bg_stdv": 15.753083966998355,
  "summary_csf_k": 3.071281028511848,
  "summary_csf_mad": 66.54014171221301,
  "summary_csf_mean": 146.03437010737198,
  "summary_csf_median": 124.98083543032408,
  "summary_csf_n": 44590.0,
  "summary_csf_p05": 41.55804466456175,
  "summary_csf_p95": 338.8820848781613,
  "summary_csf_stdv": 90.98690415604945,
  "summary_gm_k": -0.04669997161800943,
  "summary_gm_mad": 91.32217626790055,
  "summary_gm_mean": 655.9178838181174,
  "summary_gm_median": 654.2452812567353,
  "summary_gm_n": 17029.0,
  "summary_gm_p05": 505.54620139300823,
  "summary_gm_p95": 811.0515024289488,
  "summary_gm_stdv": 91.79050670253979,
  "summary_wm_k": 0.5500964927672052,
  "summary_wm_mad": 61.23511902445115,
  "summary_wm_mean": 1002.3972625491117,
  "summary_wm_median": 1000.000034160912,
  "summary_wm_n": 210478.0,
  "summary_wm_p05": 901.7022237181664,
  "summary_wm_p95": 1110.668135881424,
  "summary_wm_stdv": 63.98450295404203,
  "tpm_overlap_csf": 0.16278266835240107,
  "tpm_overlap_gm": 0.4349548017203831,
  "tpm_overlap_wm": 0.4981559275336081,
  "wm2max": 0.4000204478069727
}