{
  "bids_meta": {
    "AcquisitionMatrixPE": 256,
    "AcquisitionNumber": 1,
    "AcquisitionTime": "14:17:29.000000",
    "BodyPartExamined": "BRAIN",
    "CoilString": "32Ch Head",
    "ConversionSoftware": "dcm2niix",
    "ConversionSoftwareVersion": "v1.0.20211006",
    "Dcm2bidsVersion": "2.1.6",
    "DeviceSerialNumber": "000301496MR3T6MR",
    "EchoTime": 0.00292,
    "FlipAngle": 8,
    "ImageOrientationPatientDICOM": [
      0,
      1,
      0,
      0,
      0,
      -1
    ],
    "ImageType": [
      "ORIGINAL",
      "PRIMARY",
      "OTHER"
    ],
    "ImagingFrequency": 127.696,
    "InPlanePhaseEncodingDirectionDICOM": "ROW",
    "InstitutionName": "NIH FMRIF",
    "InversionTime": 1.06,
    "MRAcquisitionType": "3D",
    "MagneticFieldStrength": 3,
    "Manufacturer": "GE",
    "ManufacturersModelName": "DISCOVERY MR750",
    "Modality": "MR",
    "ParallelReductionFactorInPlane": 2,
    "ParallelReductionOutOfPlane": 2,
    "PatientPosition": "HFS",
    "PercentPhaseFOV": 100,
    "PercentSampling": 100,
    "PixelBandwidth": 244.141,
    "ProcedureStepDescription": "MRI Brain",
    "ProtocolName": "ADNI3 FMRIF Enhanced Pro",
    "ReconMatrixPE": 256,
    "RepetitionTime": 0.006952,
    "SAR": 0.138571,
    "ScanOptions": "EDR_GEMS\\PROMO_GEMS\\FILTERED_GEMS\\ACC_GEMS\\IR_GEMS",
    "ScanningSequence": "RM",
    "SequenceVariant": "NONE",
    "SeriesDescription": "Anat T1w MP-RAGE 1mm (ABCD)",
    "SeriesNumber": 3,
    "SliceThickness": 1,
    "SoftwareVersions": "27\\LX\\MR Software release:DV26.0_R03_1831.b",
    "SpacingBetweenSlices": 1,
    "StationName": "FMRI3tb",
    "acq_id": "MPRAGE",
    "dataset": "ds004215",
    "modality": "T1w",
    "rec_id": "SCIC",
    "session_id": "01",
    "subject_id": "ON11111"
  },
  "cjv": 0.4175818015274751,
  "cnr": 3.2520886413262926,
  "efc": 0.6565098983840115,
  "fber": 12748.560566893424,
  "fwhm_avg": 3.4352199999999997,
  "fwhm_x": 3.29385,
  "fwhm_y": 3.67981,
  "fwhm_z": 3.332,
  "icvs_csf": 0.2333587575005077,
  "icvs_gm": 0.3912673510489481,
  "icvs_wm": 0.3753738914505442,
  "inu_med": 0.5793405771255493,
  "inu_range": 0.07948326766490932,
  "provenance": {
    "md5sum": "8fd3376e0ceac16c08f590ea648c6f8e",
    "settings": {
      "testing": false
    },
    "software": "mriqc",
    "version": "22.0.6",
    "warnings": {
      "large_rot_frame": true,
      "small_air_mask": false
    },
    "webapi_port": null,
    "webapi_url": "https://mriqc.nimh.nih.gov/api/v1"
  },
  "qi_1": 0.0,
  "qi_2": 0.0021356813187206804,
  "rpve_csf": 26.132442921845946,
  "rpve_gm": 15.02670473125072,
  "rpve_wm": 18.714368997491242,
  "size_x": 208,
  "size_y": 256,
  "size_z": 256,
  "snr_csf": 1.9109774928693672,
  "snr_gm": 8.06693073894306,
  "snr_total": 9.106868495817523,
  "snr_wm": 17.34269725564014,
  "snrd_csf": 8.393646160993672,
  "snrd_gm": 33.18610893259298,
  "snrd_total": 30.400128708321244,
  "snrd_wm": 49.62063103137709,
  "spacing_x": 1.0,
  "spacing_y": 1.0,
  "spacing_z": 1.0,
  "summary_bg_k": 5.947643719527871,
  "summary_bg_mad": 0.0,
  "summary_bg_mean": 7.704900479956339,
  "summary_bg_median": 0.0,
  "summary_bg_n": 944585.0,
  "summary_bg_p05": 0.0,
  "summary_bg_p95": 37.73530550301075,
  "summary_bg_stdv": 13.20328330105373,
  "summary_csf_k": 2.607816896609023,
  "summary_csf_mad": 67.93802034047492,
  "summary_csf_mean": 188.59295308921924,
  "summary_csf_median": 169.16124366223812,
  "summary_csf_n": 51909.0,
  "summary_csf_p05": 83.58758747577667,
  "summary_csf_p95": 370.5601243674755,
  "summary_csf_stdv": 88.51994065012316,
  "summary_gm_k": -0.022230481178814987,
  "summary_gm_mad": 82.70344435919623,
  "summary_gm_mean": 668.5231536759844,
  "summary_gm_median": 668.8158342242241,
  "summary_gm_n": 15234.0,
  "summary_gm_p05": 531.0661381557584,
  "summary_gm_p95": 805.5768134780228,
  "summary_gm_stdv": 82.90561851688797,
  "summary_wm_k": 0.4311281104926934,
  "summary_wm_mad": 55.605050567612324,
  "summary_wm_mean": 1000.5650955356887,
  "summary_wm_median": 1000.0287712365389,
  "summary_wm_n": 207168.0,
  "summary_wm_p05": 906.9526685364544,
  "summary_wm_p95": 1095.7918234169483,
  "summary_wm_stdv": 57.66267743264715,
  "tpm_overlap_csf": 0.16839362028127647,
  "tpm_overlap_gm": 0.439635713578545,
  "tpm_overlap_wm": 0.5050417538382425,
  "wm2max": 0.5776059850374065
}