{
  "bids_meta": {
    "AcquisitionMatrixPE": 256,
    "AcquisitionNumber": 1,
    "AcquisitionTime": "14:24:32.000000",
    "BodyPartExamined": "BRAIN",
    "CoilString": "32Ch Head",
    "ConversionSoftware": "dcm2niix",
    "ConversionSoftwareVersion": "v1.0.20211006",
    "Dcm2bidsVersion": "2.1.6",
    "DeviceSerialNumber": "000301496MR3T6MR",
    "EchoTime": 0.059405,
    "EchoTrainLength": 140,
    "FlipAngle": 90,
    "ImageOrientationPatientDICOM": [
      0,
      1,
      0,
      0,
      0,
      -1
    ],
    "ImageType": [
      "ORIGINAL",
      "PRIMARY",
      "OTHER"
    ],
    "ImagingFrequency": 127.696,
    "InPlanePhaseEncodingDirectionDICOM": "ROW",
    "InstitutionName": "NIH FMRIF",
    "MRAcquisitionType": "3D",
    "MagneticFieldStrength": 3,
    "Manufacturer": "GE",
    "ManufacturersModelName": "DISCOVERY MR750",
    "Modality": "MR",
    "ParallelReductionFactorInPlane": 2,
    "ParallelReductionOutOfPlane": 1.5,
    "PatientPosition": "HFS",
    "PercentPhaseFOV": 100,
    "PercentSampling": 100,
    "PhaseEncodingAxis": "i",
    "PixelBandwidth": 244.141,
    "ProcedureStepDescription": "MRI Brain",
    "ProtocolName": "ADNI3 FMRIF Enhanced Pro",
    "ReconMatrixPE": 256,
    "RepetitionTime": 3.202,
    "SAR": 0.3665,
    "ScanOptions": "SAT_GEMS\\EDR_GEMS\\PROMO_GEMS\\ACC_GEMS\\FS\\FR_GEMS",
    "ScanningSequence": "RM",
    "SequenceVariant": "NONE",
    "SeriesDescription": "ORIG Anat T2w CUBE (ABCD)",
    "SeriesNumber": 40004,
    "SliceThickness": 1,
    "SoftwareVersions": "27\\LX\\MR Software release:DV26.0_R03_1831.b",
    "SpacingBetweenSlices": 1,
    "StationName": "FMRI3tb",
    "acq_id": "CUBE",
    "dataset": "ds004215",
    "modality": "T2w",
    "session_id": "01",
    "subject_id": "ON11111"
  },
  "cjv": 0.7671228093110634,
  "cnr": 1.1388543659002712,
  "efc": 0.4319822137265396,
  "fber": 1802.7548569940714,
  "fwhm_avg": 2.722253333333333,
  "fwhm_x": 2.19386,
  "fwhm_y": 3.02758,
  "fwhm_z": 2.94532,
  "icvs_csf": 0.22627274815418966,
  "icvs_gm": 0.5467824240844722,
  "icvs_wm": 0.22694482776133817,
  "inu_med": 0.9214528799057007,
  "inu_range": 0.6899598807096478,
  "provenance": {
    "md5sum": "d22cacbc446c1c1504358f57219494e8",
    "settings": {
      "testing": false
    },
    "software": "mriqc",
    "version": "22.0.6",
    "warnings": {
      "large_rot_frame": true,
      "small_air_mask": false
    },
    "webapi_port": null,
    "webapi_url": "https://mriqc.nimh.nih.gov/api/v1"
  },
  "qi_1": 0.0,
  "qi_2": 0.010158456357860682,
  "rpve_csf": 23.08763602463908,
  "rpve_gm": 12.447689591504435,
  "rpve_wm": 29.702425622560117,
  "size_x": 204,
  "size_y": 256,
  "size_z": 256,
  "snr_csf": 11.095522227457606,
  "snr_gm": 10.666423154373891,
  "snr_total": 7.920072549801844,
  "snr_wm": 1.9982722675740383,
  "snrd_csf": 43.23823068645825,
  "snrd_gm": 31.015963224488143,
  "snrd_total": 48.90344857348202,
  "snrd_wm": 72.45615180949964,
  "spacing_x": 1.0,
  "spacing_y": 1.0,
  "spacing_z": 1.0,
  "summary_bg_k": 9.727682956447495,
  "summary_bg_mad": 9.041963986888211,
  "summary_bg_mean": 11.463182643436644,
  "summary_bg_median": 6.098712030798197,
  "summary_bg_n": 3540590.0,
  "summary_bg_p05": 0.0,
  "summary_bg_p95": 34.617451146245,
  "summary_bg_stdv": 12.91035570803452,
  "summary_csf_k": 0.6632769095300795,
  "summary_csf_mad": 50.010672241765036,
  "summary_csf_mean": 599.0569826751262,
  "summary_csf_median": 596.7589722136036,
  "summary_csf_n": 9032.0,
  "summary_csf_p05": 514.9926687721163,
  "summary_csf_p95": 691.1394450387917,
  "summary_csf_stdv": 53.78078861460837,
  "summary_gm_k": -0.014593743214891486,
  "summary_gm_mad": 40.21521125596947,
  "summary_gm_mean": 429.09836543186395,
  "summary_gm_median": 428.0715015903115,
  "summary_gm_n": 226545.0,
  "summary_gm_p05": 364.81914538517594,
  "summary_gm_p95": 496.6384497079998,
  "summary_gm_stdv": 40.13253089731739,
  "summary_wm_k": -1.3434461756212954,
  "summary_wm_mad": 398.53532696493943,
  "summary_wm_mean": 789.4205919731911,
  "summary_wm_median": 1000.0145241357386,
  "summary_wm_n": 81088.0,
  "summary_wm_p05": 36.243774354457855,
  "summary_wm_p95": 1411.628215688653,
  "summary_wm_stdv": 500.436489118032,
  "tpm_overlap_csf": 0.09666894124394479,
  "tpm_overlap_gm": 0.34488172848543724,
  "tpm_overlap_wm": 0.05141559864678504,
  "wm2max": 0.6867114934342557
}