{
  "bids_meta": {
    "AcquisitionMatrixPE": 256,
    "AcquisitionNumber": 1,
    "AcquisitionTime": "15:26:11.000000",
    "BodyPartExamined": "BRAIN",
    "CoilString": "32Ch Head",
    "ConversionSoftware": "dcm2niix",
    "ConversionSoftwareVersion": "v1.0.20211006",
    "Dcm2bidsVersion": "2.1.6",
    "DeviceSerialNumber": "000301496MR3T6MR",
    "EchoTime": 0.068272,
    "EchoTrainLength": 140,
    "FlipAngle": 90,
    "ImageOrientationPatientDICOM": [
      0,
      1,
      0,
      0,
      0,
      -1
    ],
    "ImageType": [
      "ORIGINAL",
      "PRIMARY",
      "OTHER"
    ],
    "ImagingFrequency": 127.697,
    "InPlanePhaseEncodingDirectionDICOM": "ROW",
    "InstitutionName": "NIH FMRIF",
    "MRAcquisitionType": "3D",
    "MagneticFieldStrength": 3,
    "Manufacturer": "GE",
    "ManufacturersModelName": "DISCOVERY MR750",
    "Modality": "MR",
    "ParallelReductionFactorInPlane": 2,
    "ParallelReductionOutOfPlane": 1.5,
    "PatientPosition": "HFS",
    "PercentPhaseFOV": 100,
    "PercentSampling": 100,
    "PhaseEncodingAxis": "i",
    "PixelBandwidth": 244.141,
    "ProcedureStepDescription": "MRI Brain",
    "ProtocolName": "ADNI3 FMRIF Enhanced Pro",
    "ReconMatrixPE": 256,
    "RepetitionTime": 3.202,
    "SAR": 0.416,
    "ScanOptions": "SAT_GEMS\\EDR_GEMS\\PROMO_GEMS\\ACC_GEMS\\FS\\FR_GEMS",
    "ScanningSequence": "RM",
    "SequenceVariant": "NONE",
    "SeriesDescription": "Sag_CUBE_T2",
    "SeriesNumber": 4,
    "SliceThickness": 1,
    "SoftwareVersions": "27\\LX\\MR Software release:DV26.0_R01_1725.a",
    "SpacingBetweenSlices": 1,
    "StationName": "fmrif3tb",
    "acq_id": "CUBE",
    "dataset": "ds004215",
    "modality": "T2w",
    "session_id": "01",
    "subject_id": "ON72409"
  },
  "cjv": 1.1689981675793761,
  "cnr": 0.5039489210521987,
  "efc": 0.35420322722647724,
  "fber": 10497.827031337962,
  "fwhm_avg": 2.2984166666666668,
  "fwhm_x": 1.93694,
  "fwhm_y": 2.58169,
  "fwhm_z": 2.37662,
  "icvs_csf": 0.2547571094820893,
  "icvs_gm": 0.5688972891463433,
  "icvs_wm": 0.1763456013715674,
  "inu_med": 0.8560379147529602,
  "inu_range": 0.45789512395858734,
  "provenance": {
    "md5sum": "219f1cdbd6c4b9383801ada147173822",
    "settings": {
      "testing": false
    },
    "software": "mriqc",
    "version": "22.0.6",
    "warnings": {
      "large_rot_frame": true,
      "small_air_mask": false
    },
    "webapi_port": null,
    "webapi_url": "https://mriqc.nimh.nih.gov/api/v1"
  },
  "qi_1": 0.0005980101296045672,
  "qi_2": 0.004538623658366273,
  "rpve_csf": 27.274527583975193,
  "rpve_gm": 15.949569994849304,
  "rpve_wm": 54.033608771095125,
  "size_x": 236,
  "size_y": 256,
  "size_z": 256,
  "snr_csf": 9.680955933859034,
  "snr_gm": 10.998451985362045,
  "snr_total": 7.024818735322778,
  "snr_wm": 0.39504828674725495,
  "snrd_csf": 79.88808172470387,
  "snrd_gm": 53.786096410482166,
  "snrd_total": 52.42130691751252,
  "snrd_wm": 23.589742617351536,
  "spacing_x": 1.0,
  "spacing_y": 1.0,
  "spacing_z": 1.0,
  "summary_bg_k": 163.00213980264385,
  "summary_bg_mad": 27.951498631500595,
  "summary_bg_mean": 23.483048931562365,
  "summary_bg_median": 18.852999329566956,
  "summary_bg_n": 5128876.0,
  "summary_bg_p05": 0.0,
  "summary_bg_p95": 73.30257081985474,
  "summary_bg_stdv": 38.633375688022944,
  "summary_csf_k": 1.0380316826226768,
  "summary_csf_mad": 322.712756927325,
  "summary_csf_mean": 3438.866445847345,
  "summary_csf_median": 3408.4377039670944,
  "summary_csf_n": 14248.0,
  "summary_csf_p05": 2927.185232269764,
  "summary_csf_p95": 4061.3909006774425,
  "summary_csf_stdv": 352.06420874769276,
  "summary_gm_k": 0.23097555981299456,
  "summary_gm_mad": 208.56118209658135,
  "summary_gm_mean": 2302.7626177969264,
  "summary_gm_median": 2294.792351961136,
  "summary_gm_n": 208143.0,
  "summary_gm_p05": 1976.4139737725259,
  "summary_gm_p95": 2653.9222133159637,
  "summary_gm_stdv": 208.64634791066698,
  "summary_wm_k": -1.4161729949894764,
  "summary_wm_mad": 1297.4968385727339,
  "summary_wm_mean": 2573.441378879643,
  "summary_wm_median": 1006.4601180553436,
  "summary_wm_n": 34925.0,
  "summary_wm_p05": 112.72247850894928,
  "summary_wm_p95": 6892.234669589995,
  "summary_wm_stdv": 2547.6523828547924,
  "tpm_overlap_csf": 0.10775137826775107,
  "tpm_overlap_gm": 0.35912412351260475,
  "tpm_overlap_wm": 0.03681777748821648,
  "wm2max": 0.1538562231330368
}