{
  "bids_meta": {
    "AcquisitionMatrixPE": 256,
    "AcquisitionNumber": 1,
    "AcquisitionTime": "14:23:29.000000",
    "BodyPartExamined": "BRAIN",
    "CoilString": "32Ch Head",
    "ConversionSoftware": "dcm2niix",
    "ConversionSoftwareVersion": "v1.0.20211006",
    "Dcm2bidsVersion": "2.1.6",
    "DeviceSerialNumber": "000301496MR3T6MR",
    "EchoTime": 0.00292,
    "FlipAngle": 8,
    "ImageOrientationPatientDICOM": [
      0,
      1,
      0,
      0,
      0,
      -1
    ],
    "ImageType": [
      "ORIGINAL",
      "PRIMARY",
      "OTHER"
    ],
    "ImagingFrequency": 127.697,
    "InPlanePhaseEncodingDirectionDICOM": "ROW",
    "InstitutionName": "NIH FMRIF",
    "InversionTime": 1.06,
    "MRAcquisitionType": "3D",
    "MagneticFieldStrength": 3,
    "Manufacturer": "GE",
    "ManufacturersModelName": "DISCOVERY MR750",
    "Modality": "MR",
    "ParallelReductionFactorInPlane": 2,
    "ParallelReductionOutOfPlane": 2,
    "PatientPosition": "HFS",
    "PercentPhaseFOV": 100,
    "PercentSampling": 100,
    "PixelBandwidth": 244.141,
    "ProcedureStepDescription": "MRI Brain",
    "ProtocolName": "ADNI3 FMRIF Enhanced Pro",
    "ReconMatrixPE": 256,
    "RepetitionTime": 0.006952,
    "SAR": 0.135464,
    "ScanOptions": "EDR_GEMS\\PROMO_GEMS\\FILTERED_GEMS\\ACC_GEMS\\IR_GEMS",
    "ScanningSequence": "RM",
    "SequenceVariant": "NONE",
    "SeriesDescription": "Anat T1w MP-RAGE 1mm (ABCD)",
    "SeriesNumber": 3,
    "SliceThickness": 1,
    "SoftwareVersions": "27\\LX\\MR Software release:DV26.0_R03_1831.b",
    "SpacingBetweenSlices": 1,
    "StationName": "FMRI3tb",
    "acq_id": "MPRAGE",
    "dataset": "ds004215",
    "modality": "T1w",
    "rec_id": "SCIC",
    "session_id": "01",
    "subject_id": "ON25939"
  },
  "cjv": 0.3913681272790168,
  "cnr": 3.422224244038152,
  "efc": 0.6789747483358086,
  "fber": 18179.290991071695,
  "fwhm_avg": 3.2823766666666665,
  "fwhm_x": 3.27877,
  "fwhm_y": 3.3349,
  "fwhm_z": 3.23346,
  "icvs_csf": 0.211255586820599,
  "icvs_gm": 0.40566057451235077,
  "icvs_wm": 0.3830838386670502,
  "inu_med": 0.5156774520874023,
  "inu_range": 0.10081576704978934,
  "provenance": {
    "md5sum": "1657f43b9953eeb17d65e8dc44a13498",
    "settings": {
      "testing": false
    },
    "software": "mriqc",
    "version": "22.0.6",
    "warnings": {
      "large_rot_frame": true,
      "small_air_mask": false
    },
    "webapi_port": null,
    "webapi_url": "https://mriqc.nimh.nih.gov/api/v1"
  },
  "qi_1": 0.0,
  "qi_2": 0.0021483777544106138,
  "rpve_csf": 25.353909850324797,
  "rpve_gm": 13.628266456581924,
  "rpve_wm": 17.20245289726271,
  "size_x": 208,
  "size_y": 256,
  "size_z": 256,
  "snr_csf": 1.6698463590124664,
  "snr_gm": 7.942640075645939,
  "snr_total": 9.793092187266877,
  "snr_wm": 19.766790127142222,
  "snrd_csf": 11.546761119690766,
  "snrd_gm": 41.499637306156565,
  "snrd_total": 38.52251923451484,
  "snrd_wm": 62.521159277697166,
  "spacing_x": 1.0,
  "spacing_y": 1.0,
  "spacing_z": 1.0,
  "summary_bg_k": 44.541939046229714,
  "summary_bg_mad": 0.0,
  "summary_bg_mean": 6.133892504122274,
  "summary_bg_median": 0.0,
  "summary_bg_n": 947661.0,
  "summary_bg_p05": 0.0,
  "summary_bg_p95": 30.252552840858698,
  "summary_bg_stdv": 10.478635030230327,
  "summary_csf_k": 1.3387560125871971,
  "summary_csf_mad": 89.86433784698292,
  "summary_csf_mean": 210.2374257208112,
  "summary_csf_median": 184.6856556199491,
  "summary_csf_n": 38135.0,
  "summary_csf_p05": 77.91510056704283,
  "summary_csf_p95": 440.6931822624055,
  "summary_csf_stdv": 110.598938121155,
  "summary_gm_k": 0.018074622058160905,
  "summary_gm_mad": 82.71422763265072,
  "summary_gm_mean": 664.2727412972864,
  "summary_gm_median": 663.7694886410609,
  "summary_gm_n": 27962.0,
  "summary_gm_p05": 527.3267139101401,
  "summary_gm_p95": 803.946814743988,
  "summary_gm_stdv": 83.56889058028553,
  "summary_wm_k": 0.3364887507276144,
  "summary_wm_mad": 48.87568374922342,
  "summary_wm_mean": 1000.0300930839178,
  "summary_wm_median": 1000.0000148639083,
  "summary_wm_n": 262837.0,
  "summary_wm_p05": 917.1950700543821,
  "summary_wm_p95": 1082.8049596734345,
  "summary_wm_stdv": 50.589807758886565,
  "tpm_overlap_csf": 0.15037539005566186,
  "tpm_overlap_gm": 0.4376260465101585,
  "tpm_overlap_wm": 0.5030948319369702,
  "wm2max": 0.6603241426898717
}