{
  "bids_meta": {
    "AcquisitionMatrixPE": 256,
    "AcquisitionNumber": 1,
    "AcquisitionTime": "14:30:25.000000",
    "BodyPartExamined": "BRAIN",
    "CoilString": "32Ch Head",
    "ConversionSoftware": "dcm2niix",
    "ConversionSoftwareVersion": "v1.0.20211006",
    "Dcm2bidsVersion": "2.1.6",
    "DeviceSerialNumber": "000301496MR3T6MR",
    "EchoTime": 0.058924,
    "EchoTrainLength": 140,
    "FlipAngle": 90,
    "ImageOrientationPatientDICOM": [
      0,
      1,
      0,
      0,
      0,
      -1
    ],
    "ImageType": [
      "ORIGINAL",
      "PRIMARY",
      "OTHER"
    ],
    "ImagingFrequency": 127.697,
    "InPlanePhaseEncodingDirectionDICOM": "ROW",
    "InstitutionName": "NIH FMRIF",
    "MRAcquisitionType": "3D",
    "MagneticFieldStrength": 3,
    "Manufacturer": "GE",
    "ManufacturersModelName": "DISCOVERY MR750",
    "Modality": "MR",
    "ParallelReductionFactorInPlane": 2,
    "ParallelReductionOutOfPlane": 1.5,
    "PatientPosition": "HFS",
    "PercentPhaseFOV": 100,
    "PercentSampling": 100,
    "PhaseEncodingAxis": "i",
    "PixelBandwidth": 244.141,
    "ProcedureStepDescription": "MRI Brain",
    "ProtocolName": "ADNI3 FMRIF Enhanced Pro",
    "ReconMatrixPE": 256,
    "RepetitionTime": 3.202,
    "SAR": 0.4,
    "ScanOptions": "SAT_GEMS\\EDR_GEMS\\PROMO_GEMS\\FILTERED_GEMS\\ACC_GEMS\\FS\\FR_GEMS",
    "ScanningSequence": "RM",
    "SequenceVariant": "NONE",
    "SeriesDescription": "Anat T2w CUBE (ABCD)",
    "SeriesNumber": 4,
    "SliceThickness": 1,
    "SoftwareVersions": "27\\LX\\MR Software release:DV26.0_R03_1831.b",
    "SpacingBetweenSlices": 1,
    "StationName": "FMRI3tb",
    "acq_id": "CUBE",
    "dataset": "ds004215",
    "modality": "T2w",
    "rec_id": "SCIC",
    "session_id": "01",
    "subject_id": "ON25939"
  },
  "cjv": 3.0413667344326267,
  "cnr": 0.5081531592830866,
  "efc": 0.5006586510587215,
  "fber": 2671.580961347141,
  "fwhm_avg": 2.1742166666666667,
  "fwhm_x": 1.81047,
  "fwhm_y": 2.42704,
  "fwhm_z": 2.28514,
  "icvs_csf": 0.3087818611480255,
  "icvs_gm": 0.47858264356074437,
  "icvs_wm": 0.21263549529123013,
  "inu_med": 0.8061272501945496,
  "inu_range": 0.15734891891479497,
  "provenance": {
    "md5sum": "a3135e80668307afef16a9ecd014697a",
    "settings": {
      "testing": false
    },
    "software": "mriqc",
    "version": "22.0.6",
    "warnings": {
      "large_rot_frame": true,
      "small_air_mask": false
    },
    "webapi_port": null,
    "webapi_url": "https://mriqc.nimh.nih.gov/api/v1"
  },
  "qi_1": 0.0,
  "qi_2": 0.0091438184524531,
  "rpve_csf": 16.628617778130163,
  "rpve_gm": 12.672563648876356,
  "rpve_wm": 29.930194138363706,
  "size_x": 204,
  "size_y": 256,
  "size_z": 256,
  "snr_csf": 12.657307405344664,
  "snr_gm": 14.236693025745002,
  "snr_total": 9.44477190520925,
  "snr_wm": 1.4403152845380778,
  "snrd_csf": 66.05624104562143,
  "snrd_gm": 47.62281787386441,
  "snrd_total": 62.45067296707395,
  "snrd_wm": 73.67295998173599,
  "spacing_x": 1.0,
  "spacing_y": 1.0,
  "spacing_z": 1.0,
  "summary_bg_k": 439.12467427271787,
  "summary_bg_mad": 8.905405157556109,
  "summary_bg_mean": 6.484452020907066,
  "summary_bg_median": 6.006604500114918,
  "summary_bg_n": 2953801.0,
  "summary_bg_p05": 0.0,
  "summary_bg_p95": 17.79207494109869,
  "summary_bg_stdv": 9.579964222925499,
  "summary_csf_k": 0.3891793792608724,
  "summary_csf_mad": 68.75310427326494,
  "summary_csf_mean": 899.4545615144146,
  "summary_csf_median": 897.9162044674158,
  "summary_csf_n": 25707.0,
  "summary_csf_p05": 786.1990542292594,
  "summary_csf_p95": 1017.498875195533,
  "summary_csf_stdv": 70.93915878889192,
  "summary_gm_k": 0.07219486307168266,
  "summary_gm_mad": 45.2445228857827,
  "summary_gm_mean": 646.8105189154079,
  "summary_gm_median": 647.3468546569347,
  "summary_gm_n": 204645.0,
  "summary_gm_p05": 570.9690353497863,
  "summary_gm_p95": 720.3085955753922,
  "summary_gm_stdv": 45.47019956465158,
  "summary_wm_k": -1.7668618529548408,
  "summary_wm_mad": 1031.7186212154459,
  "summary_wm_mean": 904.904149439131,
  "summary_wm_median": 1001.4518469646573,
  "summary_wm_n": 76677.0,
  "summary_wm_p05": 38.94329363107681,
  "summary_wm_p95": 1746.270804978907,
  "summary_wm_stdv": 695.2959031723497,
  "tpm_overlap_csf": 0.09485194408552074,
  "tpm_overlap_gm": 0.3044933496699125,
  "tpm_overlap_wm": 0.04114488405186371,
  "wm2max": 0.5702822312642858
}