{
  "bids_meta": {
    "AcquisitionMatrixPE": 256,
    "AcquisitionNumber": 1,
    "AcquisitionTime": "15:13:29.000000",
    "BodyPartExamined": "BRAIN",
    "CoilString": "32Ch Head",
    "ConversionSoftware": "dcm2niix",
    "ConversionSoftwareVersion": "v1.0.20211006",
    "Dcm2bidsVersion": "2.1.6",
    "DeviceSerialNumber": "000301496MR3T6MR",
    "EchoTime": 0.00292,
    "FlipAngle": 8,
    "ImageOrientationPatientDICOM": [
      0,
      1,
      0,
      0,
      0,
      -1
    ],
    "ImageType": [
      "ORIGINAL",
      "PRIMARY",
      "OTHER"
    ],
    "ImagingFrequency": 127.696,
    "InPlanePhaseEncodingDirectionDICOM": "ROW",
    "InstitutionName": "NIH FMRIF",
    "InversionTime": 1.06,
    "MRAcquisitionType": "3D",
    "MagneticFieldStrength": 3,
    "Manufacturer": "GE",
    "ManufacturersModelName": "DISCOVERY MR750",
    "Modality": "MR",
    "ParallelReductionFactorInPlane": 2,
    "ParallelReductionOutOfPlane": 2,
    "PatientPosition": "HFS",
    "PercentPhaseFOV": 100,
    "PercentSampling": 100,
    "PixelBandwidth": 244.141,
    "ProcedureStepDescription": "MRI Brain",
    "ProtocolName": "ADNI3 FMRIF Enhanced Pro",
    "ReconMatrixPE": 256,
    "RepetitionTime": 0.006952,
    "SAR": 0.0979142,
    "ScanOptions": "EDR_GEMS\\PROMO_GEMS\\ACC_GEMS\\IR_GEMS",
    "ScanningSequence": "RM",
    "SequenceVariant": "NONE",
    "SeriesDescription": "ORIG Anat T1w MP-RAGE 1mm (ABCD)",
    "SeriesNumber": 40003,
    "SliceThickness": 1,
    "SoftwareVersions": "27\\LX\\MR Software release:DV26.0_R03_1831.b",
    "SpacingBetweenSlices": 1,
    "StationName": "FMRI3tb",
    "acq_id": "MPRAGE",
    "dataset": "ds004215",
    "modality": "T1w",
    "session_id": "01",
    "subject_id": "ON86202"
  },
  "cjv": 0.3951228522198934,
  "cnr": 3.3851445900026587,
  "efc": 0.4063564276415615,
  "fber": 8592.979276551918,
  "fwhm_avg": 3.7313666666666663,
  "fwhm_x": 3.72211,
  "fwhm_y": 3.79873,
  "fwhm_z": 3.67326,
  "icvs_csf": 0.2016506645436696,
  "icvs_gm": 0.43639793871611926,
  "icvs_wm": 0.36195139674021115,
  "inu_med": 0.8233994841575623,
  "inu_range": 0.4834856867790218,
  "provenance": {
    "md5sum": "1411a6ca5b4bdfe856ebc266f4f3df86",
    "settings": {
      "testing": false
    },
    "software": "mriqc",
    "version": "22.0.6",
    "warnings": {
      "large_rot_frame": true,
      "small_air_mask": false
    },
    "webapi_port": null,
    "webapi_url": "https://mriqc.nimh.nih.gov/api/v1"
  },
  "qi_1": 0.0,
  "qi_2": 0.0016284619137674262,
  "rpve_csf": 31.435374086554404,
  "rpve_gm": 15.290562497944128,
  "rpve_wm": 21.28537245943336,
  "size_x": 208,
  "size_y": 256,
  "size_z": 256,
  "snr_csf": 1.1275598150916863,
  "snr_gm": 7.9771745161310355,
  "snr_total": 9.506380595557552,
  "snr_wm": 19.414407455449933,
  "snrd_csf": 7.554209663891214,
  "snrd_gm": 41.16212633486041,
  "snrd_total": 36.8401154821379,
  "snrd_wm": 61.80401044766207,
  "spacing_x": 1.0,
  "spacing_y": 1.0,
  "spacing_z": 1.0,
  "summary_bg_k": 2.102188854253563,
  "summary_bg_mad": 10.60065091774863,
  "summary_bg_mean": 10.25760081924693,
  "summary_bg_median": 7.150030389428139,
  "summary_bg_n": 4322030.0,
  "summary_bg_p05": 0.0,
  "summary_bg_p95": 30.126532539725304,
  "summary_bg_stdv": 10.541026553259059,
  "summary_csf_k": 1.6046350954647766,
  "summary_csf_mad": 79.26666500855859,
  "summary_csf_mean": 154.41132824225005,
  "summary_csf_median": 122.2333846911788,
  "summary_csf_n": 26533.0,
  "summary_csf_p05": 33.942559994757175,
  "summary_csf_p95": 386.6559692278503,
  "summary_csf_stdv": 108.4031903333402,
  "summary_gm_k": -0.10024904836547144,
  "summary_gm_mad": 83.07813500145697,
  "summary_gm_mean": 664.8700602710936,
  "summary_gm_median": 666.037381388247,
  "summary_gm_n": 28681.0,
  "summary_gm_p05": 525.2058839425445,
  "summary_gm_p95": 803.0930200889707,
  "summary_gm_stdv": 83.4914378286102,
  "summary_wm_k": 0.6311468052273859,
  "summary_wm_mad": 48.894013502649585,
  "summary_wm_mean": 1000.470619640252,
  "summary_wm_median": 1000.0402054786682,
  "summary_wm_n": 192122.0,
  "summary_wm_p05": 917.292662769556,
  "summary_wm_p95": 1084.7560149803758,
  "summary_wm_stdv": 51.51007596561662,
  "tpm_overlap_csf": 0.13789869827974677,
  "tpm_overlap_gm": 0.46451424787348955,
  "tpm_overlap_wm": 0.49788813429958517,
  "wm2max": 0.5329308210049094
}