{
  "bids_meta": {
    "AcquisitionMatrixPE": 256,
    "AcquisitionNumber": 1,
    "AcquisitionTime": "15:20:17.000000",
    "BodyPartExamined": "BRAIN",
    "CoilString": "32Ch Head",
    "ConversionSoftware": "dcm2niix",
    "ConversionSoftwareVersion": "v1.0.20211006",
    "Dcm2bidsVersion": "2.1.6",
    "DeviceSerialNumber": "000301496MR3T6MR",
    "EchoTime": 0.066902,
    "EchoTrainLength": 140,
    "FlipAngle": 90,
    "ImageOrientationPatientDICOM": [
      0,
      1,
      0,
      0,
      0,
      -1
    ],
    "ImageType": [
      "ORIGINAL",
      "PRIMARY",
      "OTHER"
    ],
    "ImagingFrequency": 127.696,
    "InPlanePhaseEncodingDirectionDICOM": "ROW",
    "InstitutionName": "NIH FMRIF",
    "MRAcquisitionType": "3D",
    "MagneticFieldStrength": 3,
    "Manufacturer": "GE",
    "ManufacturersModelName": "DISCOVERY MR750",
    "Modality": "MR",
    "ParallelReductionFactorInPlane": 2,
    "ParallelReductionOutOfPlane": 1.5,
    "PatientPosition": "HFS",
    "PercentPhaseFOV": 100,
    "PercentSampling": 100,
    "PhaseEncodingAxis": "i",
    "PixelBandwidth": 244.141,
    "ProcedureStepDescription": "MRI Brain",
    "ProtocolName": "ADNI3 FMRIF Enhanced Pro",
    "ReconMatrixPE": 256,
    "RepetitionTime": 3.202,
    "SAR": 0.4821,
    "ScanOptions": "SAT_GEMS\\EDR_GEMS\\PROMO_GEMS\\FILTERED_GEMS\\ACC_GEMS\\FS\\FR_GEMS",
    "ScanningSequence": "RM",
    "SequenceVariant": "NONE",
    "SeriesDescription": "Anat T2w CUBE (ABCD)",
    "SeriesNumber": 4,
    "SliceThickness": 1,
    "SoftwareVersions": "27\\LX\\MR Software release:DV26.0_R03_1831.b",
    "SpacingBetweenSlices": 1,
    "StationName": "FMRI3tb",
    "acq_id": "CUBE",
    "dataset": "ds004215",
    "modality": "T2w",
    "rec_id": "SCIC",
    "session_id": "01",
    "subject_id": "ON86202"
  },
  "cjv": 0.4050428918039794,
  "cnr": 1.343495984225468,
  "efc": 0.43233353436675087,
  "fber": 9807.38813735692,
  "fwhm_avg": 2.1602200000000003,
  "fwhm_x": 1.79536,
  "fwhm_y": 2.43404,
  "fwhm_z": 2.25126,
  "icvs_csf": 0.3049946237199527,
  "icvs_gm": 0.5024739117770312,
  "icvs_wm": 0.19253146450301625,
  "inu_med": 0.8123734593391418,
  "inu_range": 0.1807050108909607,
  "provenance": {
    "md5sum": "f7e8be4f318f9bf253b33249c4961fe8",
    "settings": {
      "testing": false
    },
    "software": "mriqc",
    "version": "22.0.6",
    "warnings": {
      "large_rot_frame": true,
      "small_air_mask": false
    },
    "webapi_port": null,
    "webapi_url": "https://mriqc.nimh.nih.gov/api/v1"
  },
  "qi_1": 0.0,
  "qi_2": 0.03671324988780769,
  "rpve_csf": 19.53048944317977,
  "rpve_gm": 14.127728065239744,
  "rpve_wm": 37.84481354412311,
  "size_x": 204,
  "size_y": 256,
  "size_z": 256,
  "snr_csf": 13.270434925051804,
  "snr_gm": 13.160446515763782,
  "snr_total": 9.556430211399318,
  "snr_wm": 2.23840919338237,
  "snrd_csf": 63.761337963007634,
  "snrd_gm": 46.76059151895551,
  "snrd_total": 75.96256847012974,
  "snrd_wm": 117.36577592842612,
  "spacing_x": 1.0,
  "spacing_y": 1.0,
  "spacing_z": 1.0,
  "summary_bg_k": 1.4404200849674922,
  "summary_bg_mad": 5.583021161182536,
  "summary_bg_mean": 2.4376602964844936,
  "summary_bg_median": 3.7656905483454466,
  "summary_bg_n": 3023717.0,
  "summary_bg_p05": 0.0,
  "summary_bg_p95": 8.058941608294845,
  "summary_bg_stdv": 2.650063996086348,
  "summary_csf_k": 0.36244679076591746,
  "summary_csf_mad": 39.728454929574276,
  "summary_csf_mean": 543.8070697146569,
  "summary_csf_median": 543.3691352102906,
  "summary_csf_n": 19984.0,
  "summary_csf_p05": 477.84793884325774,
  "summary_csf_p95": 611.333482498303,
  "summary_csf_stdv": 40.94481778513574,
  "summary_gm_k": 0.015531539213045953,
  "summary_gm_mad": 31.016784228791867,
  "summary_gm_mean": 397.618328386008,
  "summary_gm_median": 398.4901036787778,
  "summary_gm_n": 157156.0,
  "summary_gm_p05": 347.13481663540006,
  "summary_gm_p95": 444.933620441705,
  "summary_gm_stdv": 30.279279307311,
  "summary_wm_k": -1.3862860417672278,
  "summary_wm_mad": 212.69422645935012,
  "summary_wm_mean": 736.958815929003,
  "summary_wm_median": 1000.1819630339742,
  "summary_wm_n": 50759.0,
  "summary_wm_p05": 25.95779634509236,
  "summary_wm_p95": 1147.4823153963312,
  "summary_wm_stdv": 446.8227318222547,
  "tpm_overlap_csf": 0.10007860589262645,
  "tpm_overlap_gm": 0.3210474236444275,
  "tpm_overlap_wm": 0.04481820451446338,
  "wm2max": 0.871743645848198
}