{
  "bids_meta": {
    "AcquisitionMatrixPE": 256,
    "AcquisitionNumber": 1,
    "AcquisitionTime": "15:13:29.000000",
    "BodyPartExamined": "BRAIN",
    "CoilString": "32Ch Head",
    "ConversionSoftware": "dcm2niix",
    "ConversionSoftwareVersion": "v1.0.20211006",
    "Dcm2bidsVersion": "2.1.6",
    "DeviceSerialNumber": "000301496MR3T6MR",
    "EchoTime": 0.00292,
    "FlipAngle": 8,
    "ImageOrientationPatientDICOM": [
      0,
      1,
      0,
      0,
      0,
      -1
    ],
    "ImageType": [
      "ORIGINAL",
      "PRIMARY",
      "OTHER"
    ],
    "ImagingFrequency": 127.696,
    "InPlanePhaseEncodingDirectionDICOM": "ROW",
    "InstitutionName": "NIH FMRIF",
    "InversionTime": 1.06,
    "MRAcquisitionType": "3D",
    "MagneticFieldStrength": 3,
    "Manufacturer": "GE",
    "ManufacturersModelName": "DISCOVERY MR750",
    "Modality": "MR",
    "ParallelReductionFactorInPlane": 2,
    "ParallelReductionOutOfPlane": 2,
    "PatientPosition": "HFS",
    "PercentPhaseFOV": 100,
    "PercentSampling": 100,
    "PixelBandwidth": 244.141,
    "ProcedureStepDescription": "MRI Brain",
    "ProtocolName": "ADNI3 FMRIF Enhanced Pro",
    "ReconMatrixPE": 256,
    "RepetitionTime": 0.006952,
    "SAR": 0.0979142,
    "ScanOptions": "EDR_GEMS\\PROMO_GEMS\\FILTERED_GEMS\\ACC_GEMS\\IR_GEMS",
    "ScanningSequence": "RM",
    "SequenceVariant": "NONE",
    "SeriesDescription": "Anat T1w MP-RAGE 1mm (ABCD)",
    "SeriesNumber": 3,
    "SliceThickness": 1,
    "SoftwareVersions": "27\\LX\\MR Software release:DV26.0_R03_1831.b",
    "SpacingBetweenSlices": 1,
    "StationName": "FMRI3tb",
    "acq_id": "MPRAGE",
    "dataset": "ds004215",
    "modality": "T1w",
    "rec_id": "SCIC",
    "session_id": "01",
    "subject_id": "ON86202"
  },
  "cjv": 0.375235862094397,
  "cnr": 3.6149308355645657,
  "efc": 0.6704780212931427,
  "fber": 16033.413398651548,
  "fwhm_avg": 3.4343800000000004,
  "fwhm_x": 3.39148,
  "fwhm_y": 3.55882,
  "fwhm_z": 3.35284,
  "icvs_csf": 0.21021384382468117,
  "icvs_gm": 0.4357704084227058,
  "icvs_wm": 0.354015747752613,
  "inu_med": 0.443219393491745,
  "inu_range": 0.06251919269561768,
  "provenance": {
    "md5sum": "b307e12cc6421d87bb752a2b7ee8b95e",
    "settings": {
      "testing": false
    },
    "software": "mriqc",
    "version": "22.0.6",
    "warnings": {
      "large_rot_frame": true,
      "small_air_mask": false
    },
    "webapi_port": null,
    "webapi_url": "https://mriqc.nimh.nih.gov/api/v1"
  },
  "qi_1": 0.0,
  "qi_2": 0.004165740454051163,
  "rpve_csf": 30.108681260579996,
  "rpve_gm": 15.22956760640389,
  "rpve_wm": 21.67901327338831,
  "size_x": 208,
  "size_y": 256,
  "size_z": 256,
  "snr_csf": 1.6856955906985909,
  "snr_gm": 8.539325680643488,
  "snr_total": 10.308905147476603,
  "snr_wm": 20.701694171087734,
  "snrd_csf": 14.53591299771291,
  "snrd_gm": 55.84006257279582,
  "snrd_total": 51.37063017771297,
  "snrd_wm": 83.73591496263016,
  "spacing_x": 1.0,
  "spacing_y": 1.0,
  "spacing_z": 1.0,
  "summary_bg_k": 8.727161559450458,
  "summary_bg_mad": 0.0,
  "summary_bg_mean": 4.406582407271351,
  "summary_bg_median": 0.0,
  "summary_bg_n": 745271.0,
  "summary_bg_p05": 0.0,
  "summary_bg_p95": 21.840137243270874,
  "summary_bg_stdv": 7.823840254956391,
  "summary_csf_k": 1.2464226625322485,
  "summary_csf_mad": 81.53436811534587,
  "summary_csf_mean": 198.56659350994647,
  "summary_csf_median": 173.59234085306525,
  "summary_csf_n": 31919.0,
  "summary_csf_p05": 74.55046847462654,
  "summary_csf_p95": 411.18258386850357,
  "summary_csf_stdv": 102.97803620425071,
  "summary_gm_k": -0.09710468351453949,
  "summary_gm_mad": 78.61547665536928,
  "summary_gm_mean": 666.2371990734708,
  "summary_gm_median": 666.8591905385256,
  "summary_gm_n": 35199.0,
  "summary_gm_p05": 535.8446172438562,
  "summary_gm_p95": 794.2039907723664,
  "summary_gm_stdv": 78.0916131682425,
  "summary_wm_k": 0.3976224056683204,
  "summary_wm_mad": 46.39091493722781,
  "summary_wm_mean": 999.6749440940749,
  "summary_wm_median": 1000.000033993274,
  "summary_wm_n": 193953.0,
  "summary_wm_p05": 919.6482790634036,
  "summary_wm_p95": 1077.9630239121616,
  "summary_wm_stdv": 48.3051023641501,
  "tpm_overlap_csf": 0.13616852370233667,
  "tpm_overlap_gm": 0.46635600392708,
  "tpm_overlap_wm": 0.4999843785249714,
  "wm2max": 0.6523534603626504
}