{
  "bids_meta": {
    "AcquisitionMatrixPE": 256,
    "AcquisitionNumber": 1,
    "AcquisitionTime": "14:16:59.000000",
    "BodyPartExamined": "BRAIN",
    "CoilString": "32Ch Head",
    "ConversionSoftware": "dcm2niix",
    "ConversionSoftwareVersion": "v1.0.20211006",
    "Dcm2bidsVersion": "2.1.6",
    "DeviceSerialNumber": "000301496MR3T6MR",
    "EchoTime": 0.058984,
    "EchoTrainLength": 140,
    "FlipAngle": 90,
    "ImageOrientationPatientDICOM": [
      0,
      1,
      0,
      0,
      0,
      -1
    ],
    "ImageType": [
      "ORIGINAL",
      "PRIMARY",
      "OTHER"
    ],
    "ImagingFrequency": 127.697,
    "InPlanePhaseEncodingDirectionDICOM": "ROW",
    "InstitutionName": "NIH FMRIF",
    "MRAcquisitionType": "3D",
    "MagneticFieldStrength": 3,
    "Manufacturer": "GE",
    "ManufacturersModelName": "DISCOVERY MR750",
    "Modality": "MR",
    "ParallelReductionFactorInPlane": 2,
    "ParallelReductionOutOfPlane": 1.5,
    "PatientPosition": "HFS",
    "PercentPhaseFOV": 100,
    "PercentSampling": 100,
    "PhaseEncodingAxis": "i",
    "PixelBandwidth": 244.141,
    "ProcedureStepDescription": "MRI Brain",
    "ProtocolName": "ADNI3 FMRIF Enhanced Pro",
    "ReconMatrixPE": 256,
    "RepetitionTime": 3.202,
    "SAR": 0.3879,
    "ScanOptions": "SAT_GEMS\\EDR_GEMS\\PROMO_GEMS\\FILTERED_GEMS\\ACC_GEMS\\FS\\FR_GEMS",
    "ScanningSequence": "RM",
    "SequenceVariant": "NONE",
    "SeriesDescription": "Anat T2w CUBE (ABCD)",
    "SeriesNumber": 4,
    "SliceThickness": 1,
    "SoftwareVersions": "27\\LX\\MR Software release:DV26.0_R03_1831.b",
    "SpacingBetweenSlices": 1,
    "StationName": "FMRI3tb",
    "acq_id": "CUBE",
    "dataset": "ds004215",
    "modality": "T2w",
    "rec_id": "SCIC",
    "session_id": "01",
    "subject_id": "ON21976"
  },
  "cjv": 2.8720151579570845,
  "cnr": 0.3513377056255933,
  "efc": 0.4779512228436171,
  "fber": 5989.04012345679,
  "fwhm_avg": 2.1227833333333335,
  "fwhm_x": 1.7394,
  "fwhm_y": 2.41715,
  "fwhm_z": 2.2118,
  "icvs_csf": 0.1817476093204964,
  "icvs_gm": 0.58826276477309,
  "icvs_wm": 0.22998962590641353,
  "inu_med": 0.8520317673683167,
  "inu_range": 0.1063673913478852,
  "provenance": {
    "md5sum": "4ae7d80eb9cc024c4b0d3fca20180b75",
    "settings": {
      "testing": false
    },
    "software": "mriqc",
    "version": "22.0.6",
    "warnings": {
      "large_rot_frame": true,
      "small_air_mask": false
    },
    "webapi_port": null,
    "webapi_url": "https://mriqc.nimh.nih.gov/api/v1"
  },
  "qi_1": 0.0,
  "qi_2": 0.025687286364824497,
  "rpve_csf": 31.913856741897035,
  "rpve_gm": 13.26925352159199,
  "rpve_wm": 32.88856966707768,
  "size_x": 204,
  "size_y": 256,
  "size_z": 256,
  "snr_csf": 12.278573794473761,
  "snr_gm": 15.18030706390053,
  "snr_total": 9.380266249344404,
  "snr_wm": 0.6819178896589205,
  "snrd_csf": 91.19510685899695,
  "snrd_gm": 69.72108691235941,
  "snrd_total": 68.96440116718485,
  "snrd_wm": 45.97700973019814,
  "spacing_x": 1.0,
  "spacing_y": 1.0,
  "spacing_z": 1.0,
  "summary_bg_k": 304.7681447981195,
  "summary_bg_mad": 0.0,
  "summary_bg_mean": 8.632304873120741,
  "summary_bg_median": 0.0,
  "summary_bg_n": 3199909.0,
  "summary_bg_p05": 0.0,
  "summary_bg_p95": 26.171601604670286,
  "summary_bg_stdv": 14.290330250124917,
  "summary_csf_k": 1.3371479066006646,
  "summary_csf_mad": 146.1343165928081,
  "summary_csf_mean": 1998.4127818271634,
  "summary_csf_median": 1989.2165878899395,
  "summary_csf_n": 6054.0,
  "summary_csf_p05": 1755.1177318438888,
  "summary_csf_p95": 2277.241183857061,
  "summary_csf_stdv": 161.99375635599193,
  "summary_gm_k": -0.0022951832367352765,
  "summary_gm_mad": 101.1100830358282,
  "summary_gm_mean": 1520.3797875125367,
  "summary_gm_median": 1520.8090366758406,
  "summary_gm_n": 233768.0,
  "summary_gm_p05": 1356.318480487913,
  "summary_gm_p95": 1682.4434492588043,
  "summary_gm_stdv": 100.18280772935975,
  "summary_wm_k": -1.7212446620003115,
  "summary_wm_mad": 1386.3747923951057,
  "summary_wm_mean": 1643.4311635079277,
  "summary_wm_median": 1002.8852815348655,
  "summary_wm_n": 56690.0,
  "summary_wm_p05": 65.16670510917902,
  "summary_wm_p95": 3653.0717882584777,
  "summary_wm_stdv": 1470.6703715485394,
  "tpm_overlap_csf": 0.08966271232743286,
  "tpm_overlap_gm": 0.36651873216157815,
  "tpm_overlap_wm": 0.0380833315120459,
  "wm2max": 0.274838019803046
}