{
  "bids_meta": {
    "AcquisitionMatrixPE": 256,
    "AcquisitionNumber": 1,
    "AcquisitionTime": "14:10:28.000000",
    "BodyPartExamined": "BRAIN",
    "CoilString": "32Ch Head",
    "ConversionSoftware": "dcm2niix",
    "ConversionSoftwareVersion": "v1.0.20211006",
    "Dcm2bidsVersion": "2.1.6",
    "DeviceSerialNumber": "000301496MR3T6MR",
    "EchoTime": 0.00292,
    "FlipAngle": 8,
    "ImageOrientationPatientDICOM": [
      0,
      1,
      0,
      0,
      0,
      -1
    ],
    "ImageType": [
      "ORIGINAL",
      "PRIMARY",
      "OTHER"
    ],
    "ImagingFrequency": 127.697,
    "InPlanePhaseEncodingDirectionDICOM": "ROW",
    "InstitutionName": "NIH FMRIF",
    "InversionTime": 1.06,
    "MRAcquisitionType": "3D",
    "MagneticFieldStrength": 3,
    "Manufacturer": "GE",
    "ManufacturersModelName": "DISCOVERY MR750",
    "Modality": "MR",
    "ParallelReductionFactorInPlane": 2,
    "ParallelReductionOutOfPlane": 2,
    "PatientPosition": "HFS",
    "PercentPhaseFOV": 100,
    "PercentSampling": 100,
    "PixelBandwidth": 244.141,
    "ProcedureStepDescription": "MRI Brain",
    "ProtocolName": "ADNI3 FMRIF Enhanced Pro",
    "ReconMatrixPE": 256,
    "RepetitionTime": 0.006952,
    "SAR": 0.133961,
    "ScanOptions": "EDR_GEMS\\PROMO_GEMS\\FILTERED_GEMS\\ACC_GEMS\\IR_GEMS",
    "ScanningSequence": "RM",
    "SequenceVariant": "NONE",
    "SeriesDescription": "Anat T1w MP-RAGE 1mm (ABCD)",
    "SeriesNumber": 3,
    "SliceThickness": 1,
    "SoftwareVersions": "27\\LX\\MR Software release:DV26.0_R03_1831.b",
    "SpacingBetweenSlices": 1,
    "StationName": "FMRI3tb",
    "acq_id": "MPRAGE",
    "dataset": "ds004215",
    "modality": "T1w",
    "rec_id": "SCIC",
    "session_id": "01",
    "subject_id": "ON21976"
  },
  "cjv": 0.3884088519554073,
  "cnr": 3.4311280676637184,
  "efc": 0.655219954725357,
  "fber": 2588.422648986435,
  "fwhm_avg": 3.3002566666666664,
  "fwhm_x": 3.18939,
  "fwhm_y": 3.48699,
  "fwhm_z": 3.22439,
  "icvs_csf": 0.21516000360320292,
  "icvs_gm": 0.4126630376218755,
  "icvs_wm": 0.3721769587749216,
  "inu_med": 0.5450121760368347,
  "inu_range": 0.11396048069000247,
  "provenance": {
    "md5sum": "e96782e22e34c03adee3547b0b8d7872",
    "settings": {
      "testing": false
    },
    "software": "mriqc",
    "version": "22.0.6",
    "warnings": {
      "large_rot_frame": true,
      "small_air_mask": false
    },
    "webapi_port": null,
    "webapi_url": "https://mriqc.nimh.nih.gov/api/v1"
  },
  "qi_1": 0.0,
  "qi_2": 0.0025441420784578232,
  "rpve_csf": 30.991027156282932,
  "rpve_gm": 16.338532257927724,
  "rpve_wm": 21.489100478453732,
  "size_x": 208,
  "size_y": 256,
  "size_z": 256,
  "snr_csf": 1.6552221429278462,
  "snr_gm": 8.571714585776213,
  "snr_total": 10.050109437726027,
  "snr_wm": 19.923391584474018,
  "snrd_csf": 13.609989832835094,
  "snrd_gm": 52.723311656636064,
  "snrd_total": 48.12594528912323,
  "snrd_wm": 78.04453437789853,
  "spacing_x": 1.0,
  "spacing_y": 1.0,
  "spacing_z": 1.0,
  "summary_bg_k": 4.5503554202628225,
  "summary_bg_mad": 8.394391379742373,
  "summary_bg_mean": 9.351561733198277,
  "summary_bg_median": 5.661930944770575,
  "summary_bg_n": 955549.0,
  "summary_bg_p05": 0.0,
  "summary_bg_p95": 40.92375057414094,
  "summary_bg_stdv": 14.533362716310247,
  "summary_csf_k": 1.5949305133558997,
  "summary_csf_mad": 85.52104187482986,
  "summary_csf_mean": 198.7183496949531,
  "summary_csf_median": 174.3874730989337,
  "summary_csf_n": 28627.0,
  "summary_csf_p05": 72.74723395705223,
  "summary_csf_p95": 415.51710188016295,
  "summary_csf_stdv": 105.35409277892148,
  "summary_gm_k": 0.04734990697178976,
  "summary_gm_mad": 77.88977698415499,
  "summary_gm_mean": 675.4418074176505,
  "summary_gm_median": 675.5541485436261,
  "summary_gm_n": 20654.0,
  "summary_gm_p05": 546.0023055806756,
  "summary_gm_p95": 806.5454945558681,
  "summary_gm_stdv": 78.81011290217248,
  "summary_wm_k": 0.40565609101585576,
  "summary_wm_mad": 48.127843910522934,
  "summary_wm_mean": 1000.3519205082673,
  "summary_wm_median": 999.9999490454793,
  "summary_wm_n": 187931.0,
  "summary_wm_p05": 918.6740318387747,
  "summary_wm_p95": 1082.9386587031186,
  "summary_wm_stdv": 50.192121369054995,
  "tpm_overlap_csf": 0.15684428579145154,
  "tpm_overlap_gm": 0.4662674263179946,
  "tpm_overlap_wm": 0.5296611211842313,
  "wm2max": 0.5196782994810707
}