{
  "bids_meta": {
    "AcquisitionMatrixPE": 256,
    "AcquisitionNumber": 1,
    "AcquisitionTime": "15:11:47.000000",
    "BodyPartExamined": "BRAIN",
    "CoilString": "32Ch Head",
    "ConversionSoftware": "dcm2niix",
    "ConversionSoftwareVersion": "v1.0.20211006",
    "Dcm2bidsVersion": "2.1.6",
    "DeviceSerialNumber": "000301496MR3T6MR",
    "EchoTime": 0.066428,
    "EchoTrainLength": 140,
    "FlipAngle": 90,
    "ImageOrientationPatientDICOM": [
      0,
      1,
      0,
      0,
      0,
      -1
    ],
    "ImageType": [
      "ORIGINAL",
      "PRIMARY",
      "OTHER"
    ],
    "ImagingFrequency": 127.697,
    "InPlanePhaseEncodingDirectionDICOM": "ROW",
    "InstitutionName": "NIH FMRIF",
    "MRAcquisitionType": "3D",
    "MagneticFieldStrength": 3,
    "Manufacturer": "GE",
    "ManufacturersModelName": "DISCOVERY MR750",
    "Modality": "MR",
    "ParallelReductionFactorInPlane": 2,
    "ParallelReductionOutOfPlane": 1.5,
    "PatientPosition": "HFS",
    "PercentPhaseFOV": 100,
    "PercentSampling": 100,
    "PhaseEncodingAxis": "i",
    "PixelBandwidth": 244.141,
    "ProcedureStepDescription": "MRI Brain",
    "ProtocolName": "ADNI3 FMRIF Enhanced Pro",
    "ReconMatrixPE": 256,
    "RepetitionTime": 3.202,
    "SAR": 0.4414,
    "ScanOptions": "SAT_GEMS\\EDR_GEMS\\PROMO_GEMS\\ACC_GEMS\\FS\\FR_GEMS",
    "ScanningSequence": "RM",
    "SequenceVariant": "NONE",
    "SeriesDescription": "Sag_CUBE_T2",
    "SeriesNumber": 4,
    "SliceThickness": 1,
    "SoftwareVersions": "27\\LX\\MR Software release:DV26.0_R01_1725.a",
    "SpacingBetweenSlices": 1,
    "StationName": "fmrif3tb",
    "acq_id": "CUBE",
    "dataset": "ds004215",
    "modality": "T2w",
    "session_id": "01",
    "subject_id": "ON87313"
  },
  "cjv": 0.48705077643334194,
  "cnr": 1.4112283179740042,
  "efc": 0.3854777346751275,
  "fber": 5975.101464901844,
  "fwhm_avg": 2.5520666666666667,
  "fwhm_x": 2.13426,
  "fwhm_y": 2.77866,
  "fwhm_z": 2.74328,
  "icvs_csf": 0.3502041106272778,
  "icvs_gm": 0.19910004256196798,
  "icvs_wm": 0.4506958468107542,
  "inu_med": 0.9030485153198242,
  "inu_range": 0.5892913937568665,
  "provenance": {
    "md5sum": "f66578ace9a8576a3da90850aa4cc198",
    "settings": {
      "testing": false
    },
    "software": "mriqc",
    "version": "22.0.6",
    "warnings": {
      "large_rot_frame": true,
      "small_air_mask": false
    },
    "webapi_port": null,
    "webapi_url": "https://mriqc.nimh.nih.gov/api/v1"
  },
  "qi_1": 0.0,
  "qi_2": 0.013081051447580231,
  "rpve_csf": 17.018592309445243,
  "rpve_gm": 35.21054827804775,
  "rpve_wm": 15.100743212878706,
  "size_x": 204,
  "size_y": 256,
  "size_z": 256,
  "snr_csf": 11.183924435476511,
  "snr_gm": 2.116060042999626,
  "snr_total": 8.006500341039539,
  "snr_wm": 10.71951654464248,
  "snrd_csf": 58.71517529344037,
  "snrd_gm": 115.66895670068679,
  "snrd_total": 70.9140042636778,
  "snrd_wm": 38.357880796906265,
  "spacing_x": 1.0,
  "spacing_y": 1.0,
  "spacing_z": 1.0,
  "summary_bg_k": 39.953416391553404,
  "summary_bg_mad": 17.079577175426227,
  "summary_bg_mean": 13.930823102126759,
  "summary_bg_median": 11.519999742507935,
  "summary_bg_n": 4145317.0,
  "summary_bg_p05": 0.0,
  "summary_bg_p95": 45.599998980760574,
  "summary_bg_stdv": 16.992865574051805,
  "summary_csf_k": 0.541066045083761,
  "summary_csf_mad": 130.58760048711304,
  "summary_csf_mean": 1534.1396439765756,
  "summary_csf_median": 1530.7199657857418,
  "summary_csf_n": 28533.0,
  "summary_csf_p05": 1317.599970549345,
  "summary_csf_p95": 1767.3599604964256,
  "summary_csf_stdv": 136.86547604148305,
  "summary_gm_k": -0.9930956091317502,
  "summary_gm_mad": 889.7392234823601,
  "summary_gm_mean": 2477.840535298711,
  "summary_gm_median": 3015.5199325978756,
  "summary_gm_n": 58644.0,
  "summary_gm_p05": 83.11999814212322,
  "summary_gm_p95": 4294.1599040180445,
  "summary_gm_stdv": 1425.051350540186,
  "summary_wm_k": 0.24010581979032697,
  "summary_wm_mad": 91.92133549274531,
  "summary_wm_mean": 1000.6140327122214,
  "summary_wm_median": 999.9999776482582,
  "summary_wm_n": 175316.0,
  "summary_wm_p05": 849.2799810171127,
  "summary_wm_p95": 1153.2799742221832,
  "summary_wm_stdv": 93.2875210823824,
  "tpm_overlap_csf": 0.10088779297021347,
  "tpm_overlap_gm": 0.11617458939638033,
  "tpm_overlap_wm": 0.4592678604279468,
  "wm2max": 0.23672750099455983
}