{
  "bids_meta": {
    "AcquisitionMatrixPE": 256,
    "AcquisitionNumber": 1,
    "AcquisitionTime": "15:05:16.000000",
    "BodyPartExamined": "BRAIN",
    "CoilString": "32Ch Head",
    "ConversionSoftware": "dcm2niix",
    "ConversionSoftwareVersion": "v1.0.20211006",
    "Dcm2bidsVersion": "2.1.6",
    "DeviceSerialNumber": "000301496MR3T6MR",
    "EchoTime": 0.003036,
    "FlipAngle": 11,
    "ImageOrientationPatientDICOM": [
      0,
      1,
      0,
      0,
      0,
      -1
    ],
    "ImageType": [
      "ORIGINAL",
      "PRIMARY",
      "OTHER"
    ],
    "ImagingFrequency": 127.697,
    "InPlanePhaseEncodingDirectionDICOM": "ROW",
    "InstitutionName": "NIH FMRIF",
    "InversionTime": 0.4,
    "MRAcquisitionType": "3D",
    "MagneticFieldStrength": 3,
    "Manufacturer": "GE",
    "ManufacturersModelName": "DISCOVERY MR750",
    "Modality": "MR",
    "ParallelReductionFactorInPlane": 1.72974,
    "PatientPosition": "HFS",
    "PercentPhaseFOV": 100,
    "PercentSampling": 100,
    "PixelBandwidth": 244.141,
    "ProcedureStepDescription": "MRI Brain",
    "ProtocolName": "ADNI3 FMRIF Enhanced Pro",
    "ReconMatrixPE": 256,
    "RepetitionTime": 0.007348,
    "SAR": 0.191708,
    "ScanOptions": "FAST_GEMS\\EDR_GEMS\\FILTERED_GEMS\\ACC_GEMS\\IR_GEMS",
    "ScanningSequence": "GR",
    "SequenceVariant": "SS\\SP\\SK",
    "SeriesDescription": "Accelerated Sagittal IR-FSPGR",
    "SeriesNumber": 3,
    "SliceThickness": 1.2,
    "SoftwareVersions": "27\\LX\\MR Software release:DV26.0_R01_1725.a",
    "SpacingBetweenSlices": 1.2,
    "SpoilingState": true,
    "StationName": "fmrif3tb",
    "acq_id": "FSPGR",
    "dataset": "ds004215",
    "modality": "T1w",
    "rec_id": "SCIC",
    "session_id": "01",
    "subject_id": "ON87313"
  },
  "cjv": 0.28930053981823445,
  "cnr": 4.698450788954243,
  "efc": 0.552304559936083,
  "fber": -1.0,
  "fwhm_avg": 3.8115412715691703,
  "fwhm_x": 3.587444648318043,
  "fwhm_y": 4.036910904969954,
  "fwhm_z": 3.8102682614195142,
  "icvs_csf": 0.22149549395587126,
  "icvs_gm": 0.4480215596944478,
  "icvs_wm": 0.33048294634968095,
  "inu_med": 0.44966742396354675,
  "inu_range": 0.08852773904800415,
  "provenance": {
    "md5sum": "0ca44f847cc47085ddab0d59b498310b",
    "settings": {
      "testing": false
    },
    "software": "mriqc",
    "version": "22.0.6",
    "warnings": {
      "large_rot_frame": true,
      "small_air_mask": false
    },
    "webapi_port": null,
    "webapi_url": "https://mriqc.nimh.nih.gov/api/v1"
  },
  "qi_1": 0.0,
  "qi_2": 0.004248465979667533,
  "rpve_csf": 34.242820431055506,
  "rpve_gm": 18.00501628701369,
  "rpve_wm": 28.34318789707997,
  "size_x": 196,
  "size_y": 256,
  "size_z": 256,
  "snr_csf": 2.018783572796981,
  "snr_gm": 9.798984599034844,
  "snr_total": 12.813493784118776,
  "snr_wm": 26.622713180524507,
  "snrd_csf": 13.573729042617313,
  "snrd_gm": 46.57953500683564,
  "snrd_total": 44.21855781861726,
  "snrd_wm": 72.50240940639884,
  "spacing_x": 1.2000045776367188,
  "spacing_y": 1.0547000169754028,
  "spacing_z": 1.0547000169754028,
  "summary_bg_k": 10.346917652073202,
  "summary_bg_mad": 0.0,
  "summary_bg_mean": 5.402158884284054,
  "summary_bg_median": 0.0,
  "summary_bg_n": 1227002.0,
  "summary_bg_p05": 0.0,
  "summary_bg_p95": 23.215403646230698,
  "summary_bg_stdv": 9.03606417232677,
  "summary_csf_k": 1.1264356118990984,
  "summary_csf_mad": 83.42020851659606,
  "summary_csf_mean": 201.6100944748628,
  "summary_csf_median": 187.217633895576,
  "summary_csf_n": 24105.0,
  "summary_csf_p05": 73.29533875733614,
  "summary_csf_p95": 375.8671160399913,
  "summary_csf_stdv": 92.73591929338075,
  "summary_gm_k": 0.015382060267433939,
  "summary_gm_mad": 66.3909442085448,
  "summary_gm_mean": 641.6406361970999,
  "summary_gm_median": 642.455017670989,
  "summary_gm_n": 35648.0,
  "summary_gm_p05": 533.1897047013044,
  "summary_gm_p95": 746.7158124893904,
  "summary_gm_stdv": 65.56250803539703,
  "summary_wm_k": 0.20377043360443547,
  "summary_wm_mad": 37.0470228063203,
  "summary_wm_mean": 999.2452454731867,
  "summary_wm_median": 1000.00003670156,
  "summary_wm_n": 144494.0,
  "summary_wm_p05": 936.3887881029398,
  "summary_wm_p95": 1059.3713463108988,
  "summary_wm_stdv": 37.56178303703791,
  "tpm_overlap_csf": 0.1518185365046787,
  "tpm_overlap_gm": 0.47734451826368895,
  "tpm_overlap_wm": 0.5148741978190595,
  "wm2max": 0.4972866475407003
}