{
  "aor": 0.034547777777777774,
  "aqi": 0.0007597741111111112,
  "bids_meta": {
    "AcquisitionMatrixPE": 64,
    "AcquisitionNumber": 1,
    "AcquisitionTime": "15:52:50.000000",
    "BodyPartExamined": "BRAIN",
    "CoilString": "32Ch Head",
    "ConversionSoftware": "dcm2niix",
    "ConversionSoftwareVersion": "v1.0.20211006",
    "Dcm2bidsVersion": "2.1.6",
    "DeviceSerialNumber": "000301496MR3T6MR",
    "EchoTime": 0.0169,
    "EffectiveEchoSpacing": 0.000416,
    "FlipAngle": 90,
    "ImageOrientationPatientDICOM": [
      1,
      0,
      0,
      0,
      1,
      0
    ],
    "ImageType": [
      "ORIGINAL",
      "PRIMARY",
      "OTHER"
    ],
    "ImagingFrequency": 127.697,
    "InPlanePhaseEncodingDirectionDICOM": "COL",
    "InstitutionName": "NIH FMRIF",
    "InternalPulseSequenceName": "EPI",
    "MRAcquisitionType": "2D",
    "MagneticFieldStrength": 3,
    "Manufacturer": "GE",
    "ManufacturersModelName": "DISCOVERY MR750",
    "Modality": "MR",
    "PatientPosition": "HFS",
    "PercentPhaseFOV": 100,
    "PercentSampling": 100,
    "PhaseEncodingDirection": "j",
    "PhaseEncodingPolarityGE": "Flipped",
    "PixelBandwidth": 7812.5,
    "ProcedureStepDescription": "MRI Brain",
    "ProtocolName": "ADNI3 FMRIF Enhanced Pro",
    "PulseSequenceName": "epi",
    "ReconMatrixPE": 64,
    "RepetitionTime": 3,
    "SAR": 0.156916,
    "ScanOptions": "MP_GEMS\\EPI_GEMS\\PFF",
    "ScanningSequence": "EP\\GR",
    "SequenceVariant": "SS",
    "SeriesDescription": "Axial rsfMRI reverse blip - RKV",
    "SeriesNumber": 12,
    "SliceThickness": 3.4,
    "SliceTiming": [
      0,
      1.5,
      0.0625,
      1.5625,
      0.125,
      1.625,
      0.1875,
      1.6875,
      0.25,
      1.75,
      0.3125,
      1.8125,
      0.375,
      1.875,
      0.4375,
      1.9375,
      0.5,
      2,
      0.5625,
      2.0625,
      0.625,
      2.125,
      0.6875,
      2.1875,
      0.75,
      2.25,
      0.8125,
      2.3125,
      0.875,
      2.375,
      0.9375,
      2.4375,
      1,
      2.5,
      1.0625,
      2.5625,
      1.125,
      2.625,
      1.1875,
      2.6875,
      1.25,
      2.75,
      1.3125,
      2.8125,
      1.375,
      2.875,
      1.4375,
      2.9375
    ],
    "SoftwareVersions": "27\\LX\\MR Software release:DV26.0_R01_1725.a",
    "SpacingBetweenSlices": 3.4,
    "StationName": "fmrif3tb",
    "TaskName": "Resting state with reverse blip.",
    "TotalReadoutTime": 0.026208,
    "TriggerDelayTime": 29938,
    "dataset": "ds004215",
    "modality": "bold",
    "session_id": "01",
    "subject_id": "ON55820",
    "task_id": "rest"
  },
  "dummy_trs": 1,
  "dvars_nstd": 9.29470694125,
  "dvars_std": 1.30687631625,
  "dvars_vstd": 1.33353982875,
  "efc": 0.45602878255033236,
  "fber": 5602.64990234375,
  "fd_mean": 0.0376600402241901,
  "fd_num": 0,
  "fd_perc": 0.0,
  "fwhm_avg": 2.618305789667479,
  "fwhm_x": 2.5603665454545452,
  "fwhm_y": 2.411008,
  "fwhm_z": 2.8835428235478915,
  "gcor": 0.0419236,
  "gsr_x": -0.00738876685500145,
  "gsr_y": 0.028193002566695213,
  "provenance": {
    "md5sum": "844dfd80de9def0b29af073d0c3aca67",
    "settings": {
      "fd_thres": 0.2,
      "testing": false
    },
    "software": "mriqc",
    "version": "22.0.6",
    "webapi_port": null,
    "webapi_url": "https://mriqc.nimh.nih.gov/api/v1"
  },
  "size_t": 9,
  "size_x": 64,
  "size_y": 64,
  "size_z": 48,
  "snr": 4.1682590305227825,
  "spacing_tr": 3.0,
  "spacing_x": 3.4375,
  "spacing_y": 3.4375,
  "spacing_z": 3.4000015258789062,
  "summary_bg_k": 24.504963288167577,
  "summary_bg_mad": 10.213482578113995,
  "summary_bg_mean": 125.09971618652344,
  "summary_bg_median": 33.77777862548828,
  "summary_bg_n": 134347.0,
  "summary_bg_p05": 24.0,
  "summary_bg_p95": 616.5555419921875,
  "summary_bg_stdv": 233.51296997070312,
  "summary_fg_k": 1.7424456947330702,
  "summary_fg_mad": 508.5325609474215,
  "summary_fg_mean": 2589.06103515625,
  "summary_fg_median": 2501.444580078125,
  "summary_fg_n": 26188.0,
  "summary_fg_p05": 1754.1944396972658,
  "summary_fg_p95": 3685.2943725585933,
  "summary_fg_stdv": 600.1058959960938,
  "tsnr": 218.72511106543243
}