{
  "bids_meta": {
    "AcquisitionMatrixPE": 256,
    "AcquisitionNumber": 1,
    "AcquisitionTime": "15:04:17.000000",
    "BodyPartExamined": "BRAIN",
    "CoilString": "32Ch Head",
    "ConversionSoftware": "dcm2niix",
    "ConversionSoftwareVersion": "v1.0.20211006",
    "Dcm2bidsVersion": "2.1.6",
    "DeviceSerialNumber": "000301496MR3T6MR",
    "EchoTime": 0.003036,
    "FlipAngle": 11,
    "ImageOrientationPatientDICOM": [
      0,
      1,
      0,
      0,
      0,
      -1
    ],
    "ImageType": [
      "ORIGINAL",
      "PRIMARY",
      "OTHER"
    ],
    "ImagingFrequency": 127.697,
    "InPlanePhaseEncodingDirectionDICOM": "ROW",
    "InstitutionName": "NIH FMRIF",
    "InversionTime": 0.4,
    "MRAcquisitionType": "3D",
    "MagneticFieldStrength": 3,
    "Manufacturer": "GE",
    "ManufacturersModelName": "DISCOVERY MR750",
    "Modality": "MR",
    "ParallelReductionFactorInPlane": 1.72974,
    "PatientPosition": "HFS",
    "PercentPhaseFOV": 100,
    "PercentSampling": 100,
    "PixelBandwidth": 244.141,
    "ProcedureStepDescription": "MRI Brain",
    "ProtocolName": "ADNI3 FMRIF Enhanced Pro",
    "ReconMatrixPE": 256,
    "RepetitionTime": 0.007348,
    "SAR": 0.192729,
    "ScanOptions": "FAST_GEMS\\EDR_GEMS\\FILTERED_GEMS\\ACC_GEMS\\IR_GEMS",
    "ScanningSequence": "GR",
    "SequenceVariant": "SS\\SP\\SK",
    "SeriesDescription": "Accelerated Sagittal IR-FSPGR",
    "SeriesNumber": 3,
    "SliceThickness": 1.2,
    "SoftwareVersions": "27\\LX\\MR Software release:DV26.0_R01_1725.a",
    "SpacingBetweenSlices": 1.2,
    "SpoilingState": true,
    "StationName": "fmrif3tb",
    "acq_id": "FSPGR",
    "dataset": "ds004215",
    "modality": "T1w",
    "rec_id": "SCIC",
    "session_id": "01",
    "subject_id": "ON12666"
  },
  "cjv": 0.31832907956227685,
  "cnr": 4.153530974869795,
  "efc": 0.5861685154525459,
  "fber": 18534.63744093888,
  "fwhm_avg": 3.428208610074027,
  "fwhm_x": 3.1404996533702936,
  "fwhm_y": 3.7884800755561057,
  "fwhm_z": 3.355646101295682,
  "icvs_csf": 0.22348369943296248,
  "icvs_gm": 0.44320108102187755,
  "icvs_wm": 0.33331521954515997,
  "inu_med": 0.5511217713356018,
  "inu_range": 0.12558076530694956,
  "provenance": {
    "md5sum": "77efc6893ed8b2f5095b5998c885cb4a",
    "settings": {
      "testing": false
    },
    "software": "mriqc",
    "version": "22.0.6",
    "warnings": {
      "large_rot_frame": true,
      "small_air_mask": false
    },
    "webapi_port": null,
    "webapi_url": "https://mriqc.nimh.nih.gov/api/v1"
  },
  "qi_1": 0.0,
  "qi_2": 0.002383598971618546,
  "rpve_csf": 34.61766626475011,
  "rpve_gm": 18.30529186575327,
  "rpve_wm": 28.576105247397084,
  "size_x": 196,
  "size_y": 256,
  "size_z": 256,
  "snr_csf": 2.363989960159705,
  "snr_gm": 10.098947381339208,
  "snr_total": 12.26119137725027,
  "snr_wm": 24.320636790251896,
  "snrd_csf": 15.392783444439093,
  "snrd_gm": 45.72398130637825,
  "snrd_total": 43.03631966824192,
  "snrd_wm": 67.99219425390841,
  "spacing_x": 1.1999969482421875,
  "spacing_y": 1.0547000169754028,
  "spacing_z": 1.0547000169754028,
  "summary_bg_k": 14.57942364065519,
  "summary_bg_mad": 0.0,
  "summary_bg_mean": 5.585100983157478,
  "summary_bg_median": 0.0,
  "summary_bg_n": 1073593.0,
  "summary_bg_p05": 0.0,
  "summary_bg_p95": 24.87773832678795,
  "summary_bg_stdv": 9.635465158200391,
  "summary_csf_k": 2.225555581581742,
  "summary_csf_mad": 72.32645518403471,
  "summary_csf_mean": 238.15182597436933,
  "summary_csf_median": 226.3904563486576,
  "summary_csf_n": 19083.0,
  "summary_csf_p05": 96.66474563777447,
  "summary_csf_p95": 419.3645513623952,
  "summary_csf_stdv": 95.76374195953173,
  "summary_gm_k": 0.1319975976264609,
  "summary_gm_mad": 65.4811119785719,
  "summary_gm_mean": 668.3277234746076,
  "summary_gm_median": 672.4887042939663,
  "summary_gm_n": 27271.0,
  "summary_gm_p05": 551.5020965337753,
  "summary_gm_p95": 769.9948581755161,
  "summary_gm_stdv": 66.58875910999113,
  "summary_wm_k": 0.7005584133358775,
  "summary_wm_mad": 38.77526644673343,
  "summary_wm_mean": 999.9948129342099,
  "summary_wm_median": 1000.0000286400318,
  "summary_wm_n": 126664.0,
  "summary_wm_p05": 932.7177448868752,
  "summary_wm_p95": 1066.9178034067154,
  "summary_wm_stdv": 41.117183312462316,
  "tpm_overlap_csf": 0.16065349987619354,
  "tpm_overlap_gm": 0.4796195522198748,
  "tpm_overlap_wm": 0.5082452179999737,
  "wm2max": 0.5541185669148314
}