{
  "bids_meta": {
    "AcquisitionMatrixPE": 256,
    "AcquisitionNumber": 1,
    "AcquisitionTime": "15:10:13.000000",
    "BodyPartExamined": "BRAIN",
    "CoilString": "32Ch Head",
    "ConversionSoftware": "dcm2niix",
    "ConversionSoftwareVersion": "v1.0.20211006",
    "Dcm2bidsVersion": "2.1.6",
    "DeviceSerialNumber": "000301496MR3T6MR",
    "EchoTime": 0.066764,
    "EchoTrainLength": 140,
    "FlipAngle": 90,
    "ImageOrientationPatientDICOM": [
      0,
      1,
      0,
      0,
      0,
      -1
    ],
    "ImageType": [
      "ORIGINAL",
      "PRIMARY",
      "OTHER"
    ],
    "ImagingFrequency": 127.697,
    "InPlanePhaseEncodingDirectionDICOM": "ROW",
    "InstitutionName": "NIH FMRIF",
    "MRAcquisitionType": "3D",
    "MagneticFieldStrength": 3,
    "Manufacturer": "GE",
    "ManufacturersModelName": "DISCOVERY MR750",
    "Modality": "MR",
    "ParallelReductionFactorInPlane": 2,
    "ParallelReductionOutOfPlane": 1.5,
    "PatientPosition": "HFS",
    "PercentPhaseFOV": 100,
    "PercentSampling": 100,
    "PhaseEncodingAxis": "i",
    "PixelBandwidth": 244.141,
    "ProcedureStepDescription": "MRI Brain",
    "ProtocolName": "ADNI3 FMRIF Enhanced Pro",
    "ReconMatrixPE": 256,
    "RepetitionTime": 3.202,
    "SAR": 0.4241,
    "ScanOptions": "SAT_GEMS\\EDR_GEMS\\PROMO_GEMS\\ACC_GEMS\\FS\\FR_GEMS",
    "ScanningSequence": "RM",
    "SequenceVariant": "NONE",
    "SeriesDescription": "Sag_CUBE_T2",
    "SeriesNumber": 4,
    "SliceThickness": 1,
    "SoftwareVersions": "27\\LX\\MR Software release:DV26.0_R01_1725.a",
    "SpacingBetweenSlices": 1,
    "StationName": "fmrif3tb",
    "acq_id": "CUBE",
    "dataset": "ds004215",
    "modality": "T2w",
    "session_id": "01",
    "subject_id": "ON12666"
  },
  "cjv": 2.37700491219046,
  "cnr": 0.6938492434777632,
  "efc": 0.3883588692581114,
  "fber": 8833.275572358749,
  "fwhm_avg": 2.404783333333333,
  "fwhm_x": 2.03713,
  "fwhm_y": 2.68088,
  "fwhm_z": 2.49634,
  "icvs_csf": 0.24466587299120446,
  "icvs_gm": 0.5579983416550046,
  "icvs_wm": 0.19733578535379087,
  "inu_med": 0.9546080231666565,
  "inu_range": 0.6025516092777252,
  "provenance": {
    "md5sum": "c568d852a22046964c3bc2a96c3f562b",
    "settings": {
      "testing": false
    },
    "software": "mriqc",
    "version": "22.0.6",
    "warnings": {
      "large_rot_frame": true,
      "small_air_mask": false
    },
    "webapi_port": null,
    "webapi_url": "https://mriqc.nimh.nih.gov/api/v1"
  },
  "qi_1": 0.0018401237687210973,
  "qi_2": 0.008163952866883808,
  "rpve_csf": 22.991539190469744,
  "rpve_gm": 13.294769930766389,
  "rpve_wm": 36.08089831086384,
  "size_x": 204,
  "size_y": 256,
  "size_z": 256,
  "snr_csf": 10.738628452770119,
  "snr_gm": 12.188238346415012,
  "snr_total": 8.11552664252641,
  "snr_wm": 1.4197131283940956,
  "snrd_csf": 79.79352608328988,
  "snrd_gm": 57.737126862275204,
  "snrd_total": 83.5506203607542,
  "snrd_wm": 113.12120813669749,
  "spacing_x": 1.0,
  "spacing_y": 1.0,
  "spacing_z": 1.0,
  "summary_bg_k": 19.72074926288506,
  "summary_bg_mad": 0.0,
  "summary_bg_mean": 4.049299497103068,
  "summary_bg_median": 0.0,
  "summary_bg_n": 4218153.0,
  "summary_bg_p05": 0.0,
  "summary_bg_p95": 14.76916790753603,
  "summary_bg_stdv": 5.799031916870762,
  "summary_csf_k": 0.8937761164383624,
  "summary_csf_mad": 60.33104640172514,
  "summary_csf_mean": 710.6737804528474,
  "summary_csf_median": 706.3036102354527,
  "summary_csf_n": 11513.0,
  "summary_csf_p05": 611.5055199086667,
  "summary_csf_p95": 824.1953085631131,
  "summary_csf_stdv": 65.769380000264,
  "summary_gm_k": -0.14920252872672535,
  "summary_gm_mad": 43.23214577179458,
  "summary_gm_mean": 510.7065386875561,
  "summary_gm_median": 511.0682927444577,
  "summary_gm_n": 228919.0,
  "summary_gm_p05": 441.35368898510933,
  "summary_gm_p95": 578.4418628960848,
  "summary_gm_stdv": 41.93117675854203,
  "summary_wm_k": -1.569041712015978,
  "summary_wm_mad": 1122.0706925315776,
  "summary_wm_mean": 864.0678982356224,
  "summary_wm_median": 1001.3082717731595,
  "summary_wm_n": 49154.0,
  "summary_wm_p05": 26.302201122045517,
  "summary_wm_p95": 1903.5959859844295,
  "summary_wm_stdv": 705.2819800532142,
  "tpm_overlap_csf": 0.10862328638021872,
  "tpm_overlap_gm": 0.3523510734660417,
  "tpm_overlap_wm": 0.04951069514204068,
  "wm2max": 0.5479122874656683
}