{
  "bids_meta": {
    "AcquisitionMatrixPE": 256,
    "AcquisitionNumber": 1,
    "AcquisitionTime": "10:47:49.000000",
    "BodyPartExamined": "BRAIN",
    "CoilString": "32Ch Head",
    "ConversionSoftware": "dcm2niix",
    "ConversionSoftwareVersion": "v1.0.20211006",
    "Dcm2bidsVersion": "2.1.6",
    "DeviceSerialNumber": "000301496mr3T5mr",
    "EchoTime": 0.066697,
    "EchoTrainLength": 140,
    "FlipAngle": 90,
    "ImageOrientationPatientDICOM": [
      0,
      1,
      0,
      0,
      0,
      -1
    ],
    "ImageType": [
      "ORIGINAL",
      "PRIMARY",
      "OTHER"
    ],
    "ImagingFrequency": 127.824,
    "InPlanePhaseEncodingDirectionDICOM": "ROW",
    "InstitutionName": "NIH FMRIF",
    "MRAcquisitionType": "3D",
    "MagneticFieldStrength": 3,
    "Manufacturer": "GE",
    "ManufacturersModelName": "DISCOVERY MR750",
    "Modality": "MR",
    "ParallelReductionFactorInPlane": 2,
    "ParallelReductionOutOfPlane": 1.5,
    "PatientPosition": "HFS",
    "PercentPhaseFOV": 100,
    "PercentSampling": 100,
    "PhaseEncodingAxis": "i",
    "PixelBandwidth": 244.141,
    "ProcedureStepDescription": "MRI Brain",
    "ProtocolName": "ADNI3 FMRIF Enhanced Pro",
    "ReconMatrixPE": 256,
    "RepetitionTime": 3.202,
    "SAR": 0.4237,
    "ScanOptions": "SAT_GEMS\\EDR_GEMS\\PROMO_GEMS\\ACC_GEMS\\FS\\FR_GEMS",
    "ScanningSequence": "RM",
    "SequenceVariant": "NONE",
    "SeriesDescription": "ORIG Anat T2w CUBE (ABCD)",
    "SeriesNumber": 40004,
    "SliceThickness": 1,
    "SoftwareVersions": "27\\LX\\MR Software release:DV26.0_R03_1831.b",
    "SpacingBetweenSlices": 1,
    "StationName": "FMRI3ta",
    "acq_id": "CUBE",
    "dataset": "ds004215",
    "modality": "T2w",
    "session_id": "01",
    "subject_id": "ON43016"
  },
  "cjv": 0.24371543317900307,
  "cnr": 5.069213007174275,
  "efc": 0.3708892516322061,
  "fber": 6463.313711911357,
  "fwhm_avg": 2.58077,
  "fwhm_x": 2.20183,
  "fwhm_y": 2.81445,
  "fwhm_z": 2.72603,
  "icvs_csf": 0.23023025961197555,
  "icvs_gm": 0.7050681184017823,
  "icvs_wm": 0.06470162198624217,
  "inu_med": 0.8979682922363281,
  "inu_range": 0.4527455925941466,
  "provenance": {
    "md5sum": "ad31c0ab4f73c4e1b083cbf698281c76",
    "settings": {
      "testing": false
    },
    "software": "mriqc",
    "version": "22.0.6",
    "warnings": {
      "large_rot_frame": true,
      "small_air_mask": false
    },
    "webapi_port": null,
    "webapi_url": "https://mriqc.nimh.nih.gov/api/v1"
  },
  "qi_1": 0.0018704621442932898,
  "qi_2": 0.011390570972961362,
  "rpve_csf": 26.246694661115157,
  "rpve_gm": 11.867351424374657,
  "rpve_wm": 110.00753799892902,
  "size_x": 204,
  "size_y": 256,
  "size_z": 256,
  "snr_csf": 5.926252247204531,
  "snr_gm": 8.82454314010363,
  "snr_total": 5.2597744845562096,
  "snr_wm": 1.028528066360468,
  "snrd_csf": 94.55735208449269,
  "snrd_gm": 34.579596373644215,
  "snrd_total": 44.55437063345038,
  "snrd_wm": 4.5261634422142265,
  "spacing_x": 1.0,
  "spacing_y": 1.0,
  "spacing_z": 1.0,
  "summary_bg_k": 51.00042938252716,
  "summary_bg_mad": 0.0,
  "summary_bg_mean": 99.17041407087116,
  "summary_bg_median": 0.0,
  "summary_bg_n": 4324036.0,
  "summary_bg_p05": 0.0,
  "summary_bg_p95": 355.06464433670044,
  "summary_bg_stdv": 144.90027907889979,
  "summary_csf_k": 3.2387679116832935,
  "summary_csf_mad": 2690.4117023385033,
  "summary_csf_mean": 20625.24124315359,
  "summary_csf_median": 20913.79246520996,
  "summary_csf_n": 52237.0,
  "summary_csf_p05": 14110.990948677063,
  "summary_csf_p95": 25541.59404811859,
  "summary_csf_stdv": 3528.9743686367274,
  "summary_gm_k": -0.1432296188702029,
  "summary_gm_mad": 897.0701727215378,
  "summary_gm_mean": 7691.340502339965,
  "summary_gm_median": 7648.167870044708,
  "summary_gm_n": 405995.0,
  "summary_gm_p05": 6350.754116535187,
  "summary_gm_p95": 9175.646271705627,
  "summary_gm_stdv": 866.69171758473,
  "summary_wm_k": 5.205254914926762,
  "summary_wm_mad": 722.9283226295563,
  "summary_wm_mean": 1269.0941776052907,
  "summary_wm_median": 1001.0775556564331,
  "summary_wm_n": 14738.0,
  "summary_wm_p05": 260.7758541107178,
  "summary_wm_p95": 3207.75852279663,
  "summary_wm_stdv": 973.2778573167307,
  "tpm_overlap_csf": 0.16811074550772545,
  "tpm_overlap_gm": 0.4288793672242849,
  "tpm_overlap_wm": 0.018546539482680938,
  "wm2max": 0.037854246887924534
}