{
  "bids_meta": {
    "AcquisitionMatrixPE": 256,
    "AcquisitionNumber": 1,
    "AcquisitionTime": "15:11:48.000000",
    "BodyPartExamined": "BRAIN",
    "CoilString": "32Ch Head",
    "ConversionSoftware": "dcm2niix",
    "ConversionSoftwareVersion": "v1.0.20211006",
    "Dcm2bidsVersion": "2.1.6",
    "DeviceSerialNumber": "000301496MR3T6MR",
    "EchoTime": 0.066361,
    "EchoTrainLength": 140,
    "FlipAngle": 90,
    "ImageOrientationPatientDICOM": [
      0,
      1,
      0,
      0,
      0,
      -1
    ],
    "ImageType": [
      "ORIGINAL",
      "PRIMARY",
      "OTHER"
    ],
    "ImagingFrequency": 127.697,
    "InPlanePhaseEncodingDirectionDICOM": "ROW",
    "InstitutionName": "NIH FMRIF",
    "MRAcquisitionType": "3D",
    "MagneticFieldStrength": 3,
    "Manufacturer": "GE",
    "ManufacturersModelName": "DISCOVERY MR750",
    "Modality": "MR",
    "ParallelReductionFactorInPlane": 2,
    "ParallelReductionOutOfPlane": 1.5,
    "PatientPosition": "HFS",
    "PercentPhaseFOV": 100,
    "PercentSampling": 100,
    "PhaseEncodingAxis": "i",
    "PixelBandwidth": 244.141,
    "ProcedureStepDescription": "MRI Brain",
    "ProtocolName": "ADNI3 FMRIF Enhanced Pro",
    "ReconMatrixPE": 256,
    "RepetitionTime": 3.202,
    "SAR": 0.4541,
    "ScanOptions": "SAT_GEMS\\EDR_GEMS\\PROMO_GEMS\\ACC_GEMS\\FS\\FR_GEMS",
    "ScanningSequence": "RM",
    "SequenceVariant": "NONE",
    "SeriesDescription": "Sag_CUBE_T2",
    "SeriesNumber": 4,
    "SliceThickness": 1,
    "SoftwareVersions": "27\\LX\\MR Software release:DV26.0_R01_1725.a",
    "SpacingBetweenSlices": 1,
    "StationName": "fmrif3tb",
    "acq_id": "CUBE",
    "dataset": "ds004215",
    "modality": "T2w",
    "session_id": "01",
    "subject_id": "ON25658"
  },
  "cjv": 0.7939568396815052,
  "cnr": 1.219452576209441,
  "efc": 0.3808769691435677,
  "fber": 7473.668492512092,
  "fwhm_avg": 2.40559,
  "fwhm_x": 2.02606,
  "fwhm_y": 2.69147,
  "fwhm_z": 2.49924,
  "icvs_csf": 0.3328551352420809,
  "icvs_gm": 0.19025505647910795,
  "icvs_wm": 0.4768898082788111,
  "inu_med": 1.0089387893676758,
  "inu_range": 0.6220376074314117,
  "provenance": {
    "md5sum": "5f0828e7157f9c26acab78d5a8927849",
    "settings": {
      "testing": false
    },
    "software": "mriqc",
    "version": "22.0.6",
    "warnings": {
      "large_rot_frame": true,
      "small_air_mask": false
    },
    "webapi_port": null,
    "webapi_url": "https://mriqc.nimh.nih.gov/api/v1"
  },
  "qi_1": 0.002030933285785572,
  "qi_2": 0.002230157345179674,
  "rpve_csf": 18.350276190965136,
  "rpve_gm": 38.74491829761517,
  "rpve_wm": 14.91137278229168,
  "size_x": 204,
  "size_y": 256,
  "size_z": 256,
  "snr_csf": 11.137155628169742,
  "snr_gm": 1.8934437146272605,
  "snr_total": 7.823452602226333,
  "snr_wm": 10.439758463881999,
  "snrd_csf": 44.94416207679109,
  "snrd_gm": 82.79201113784208,
  "snrd_total": 52.36376567953329,
  "snrd_wm": 29.3551238239667,
  "spacing_x": 1.0,
  "spacing_y": 1.0,
  "spacing_z": 1.0,
  "summary_bg_k": 420.90195959750207,
  "summary_bg_mad": 0.0,
  "summary_bg_mean": 10.179639440930595,
  "summary_bg_median": 0.0,
  "summary_bg_n": 3787835.0,
  "summary_bg_p05": 0.0,
  "summary_bg_p95": 28.45774631202221,
  "summary_bg_stdv": 22.319547412194183,
  "summary_csf_k": 0.7556897493953563,
  "summary_csf_mad": 127.98521209799998,
  "summary_csf_mean": 1539.6309165777225,
  "summary_csf_median": 1531.182447463274,
  "summary_csf_n": 23288.0,
  "summary_csf_p05": 1330.6807576417923,
  "summary_csf_p95": 1777.41115122959,
  "summary_csf_stdv": 137.481204654608,
  "summary_gm_k": -1.4084181275445866,
  "summary_gm_mad": 1350.0003284124707,
  "summary_gm_mean": 2220.492415500842,
  "summary_gm_median": 2820.603797838092,
  "summary_gm_n": 48427.0,
  "summary_gm_p05": 70.84162379801273,
  "summary_gm_p95": 4155.522943228483,
  "summary_gm_stdv": 1489.653298735571,
  "summary_wm_k": 0.17227436652039296,
  "summary_wm_mad": 95.41182144379958,
  "summary_wm_mean": 1000.803518678394,
  "summary_wm_median": 1000.0865132510662,
  "summary_wm_n": 173405.0,
  "summary_wm_p05": 844.9961207360029,
  "summary_wm_p95": 1157.5123439133167,
  "summary_wm_stdv": 95.79566740305366,
  "tpm_overlap_csf": 0.10390515204302987,
  "tpm_overlap_gm": 0.10226109843324056,
  "tpm_overlap_wm": 0.4502943877173426,
  "wm2max": 0.2447122486512611
}