{
  "bids_meta": {
    "AcquisitionMatrixPE": 256,
    "AcquisitionNumber": 1,
    "AcquisitionTime": "15:05:52.000000",
    "BodyPartExamined": "BRAIN",
    "CoilString": "32Ch Head",
    "ConversionSoftware": "dcm2niix",
    "ConversionSoftwareVersion": "v1.0.20211006",
    "Dcm2bidsVersion": "2.1.6",
    "DeviceSerialNumber": "000301496MR3T6MR",
    "EchoTime": 0.003036,
    "FlipAngle": 11,
    "ImageOrientationPatientDICOM": [
      0,
      1,
      0,
      0,
      0,
      -1
    ],
    "ImageType": [
      "ORIGINAL",
      "PRIMARY",
      "OTHER"
    ],
    "ImagingFrequency": 127.697,
    "InPlanePhaseEncodingDirectionDICOM": "ROW",
    "InstitutionName": "NIH FMRIF",
    "InversionTime": 0.4,
    "MRAcquisitionType": "3D",
    "MagneticFieldStrength": 3,
    "Manufacturer": "GE",
    "ManufacturersModelName": "DISCOVERY MR750",
    "Modality": "MR",
    "ParallelReductionFactorInPlane": 1.72974,
    "PatientPosition": "HFS",
    "PercentPhaseFOV": 100,
    "PercentSampling": 100,
    "PixelBandwidth": 244.141,
    "ProcedureStepDescription": "MRI Brain",
    "ProtocolName": "ADNI3 FMRIF Enhanced Pro",
    "ReconMatrixPE": 256,
    "RepetitionTime": 0.007348,
    "SAR": 0.195803,
    "ScanOptions": "FAST_GEMS\\EDR_GEMS\\FILTERED_GEMS\\ACC_GEMS\\IR_GEMS",
    "ScanningSequence": "GR",
    "SequenceVariant": "SS\\SP\\SK",
    "SeriesDescription": "Accelerated Sagittal IR-FSPGR",
    "SeriesNumber": 3,
    "SliceThickness": 1.2,
    "SoftwareVersions": "27\\LX\\MR Software release:DV26.0_R01_1725.a",
    "SpacingBetweenSlices": 1.2,
    "SpoilingState": true,
    "StationName": "fmrif3tb",
    "acq_id": "FSPGR",
    "dataset": "ds004215",
    "modality": "T1w",
    "rec_id": "SCIC",
    "session_id": "01",
    "subject_id": "ON25658"
  },
  "cjv": 0.29776392737072727,
  "cnr": 4.503576544832792,
  "efc": 0.5263350568686457,
  "fber": -1.0,
  "fwhm_avg": 3.5745848362926558,
  "fwhm_x": 3.366487157870644,
  "fwhm_y": 3.8688726029433287,
  "fwhm_z": 3.4883947480639934,
  "icvs_csf": 0.1992756790079655,
  "icvs_gm": 0.4615071424953683,
  "icvs_wm": 0.3392171784966662,
  "inu_med": 0.3944094181060791,
  "inu_range": 0.05538897067308424,
  "provenance": {
    "md5sum": "ab3cfd26c4ec23015b76f79dfc61b997",
    "settings": {
      "testing": false
    },
    "software": "mriqc",
    "version": "22.0.6",
    "warnings": {
      "large_rot_frame": true,
      "small_air_mask": false
    },
    "webapi_port": null,
    "webapi_url": "https://mriqc.nimh.nih.gov/api/v1"
  },
  "qi_1": 0.0,
  "qi_2": 0.0027466764818217435,
  "rpve_csf": 38.20536405568526,
  "rpve_gm": 18.178099845411346,
  "rpve_wm": 28.47945898032089,
  "size_x": 196,
  "size_y": 256,
  "size_z": 256,
  "snr_csf": 2.350582338175198,
  "snr_gm": 9.801003008300233,
  "snr_total": 12.894163913949184,
  "snr_wm": 26.53090639537212,
  "snrd_csf": 16.438481637986357,
  "snrd_gm": 47.22399883400061,
  "snrd_total": 45.33078959336702,
  "snrd_wm": 72.32988830811409,
  "spacing_x": 1.2000045776367188,
  "spacing_y": 1.0547000169754028,
  "spacing_z": 1.0547000169754028,
  "summary_bg_k": 11.749428055258468,
  "summary_bg_mad": 0.0,
  "summary_bg_mean": 5.298383859288695,
  "summary_bg_median": 0.0,
  "summary_bg_n": 1150952.0,
  "summary_bg_p05": 0.0,
  "summary_bg_p95": 24.4305452182889,
  "summary_bg_stdv": 9.057617062834979,
  "summary_csf_k": 1.1788583637389092,
  "summary_csf_mad": 84.92344036416685,
  "summary_csf_mean": 230.76514558742198,
  "summary_csf_median": 227.27094963937998,
  "summary_csf_n": 15135.0,
  "summary_csf_p05": 72.98084449991585,
  "summary_csf_p95": 401.5618425227701,
  "summary_csf_stdv": 96.68388879608065,
  "summary_gm_k": -0.03335775129563734,
  "summary_gm_mad": 67.36715221195928,
  "summary_gm_mean": 653.4749383321774,
  "summary_gm_median": 652.8974693119526,
  "summary_gm_n": 36058.0,
  "summary_gm_p05": 544.710674867034,
  "summary_gm_p95": 763.0512963831425,
  "summary_gm_stdv": 66.61444907852265,
  "summary_wm_k": 0.39727406053326186,
  "summary_wm_mad": 35.98747438508993,
  "summary_wm_mean": 999.7278517746279,
  "summary_wm_median": 1000.000046543777,
  "summary_wm_n": 133816.0,
  "summary_wm_p05": 937.0550025030971,
  "summary_wm_p95": 1060.7026733905077,
  "summary_wm_stdv": 37.69175071369183,
  "tpm_overlap_csf": 0.13766409492535886,
  "tpm_overlap_gm": 0.4579002360632822,
  "tpm_overlap_wm": 0.4832774354094066,
  "wm2max": 0.4397750865051903
}