{
  "bids_meta": {
    "AcquisitionMatrixPE": 256,
    "AcquisitionNumber": 1,
    "AcquisitionTime": "15:43:43.000000",
    "BodyPartExamined": "BRAIN",
    "CoilString": "32Ch Head",
    "ConversionSoftware": "dcm2niix",
    "ConversionSoftwareVersion": "v1.0.20211006",
    "Dcm2bidsVersion": "2.1.6",
    "DeviceSerialNumber": "000301496MR3T6MR",
    "EchoTime": 0.003036,
    "FlipAngle": 11,
    "ImageOrientationPatientDICOM": [
      0,
      1,
      0,
      0,
      0,
      -1
    ],
    "ImageType": [
      "ORIGINAL",
      "PRIMARY",
      "OTHER"
    ],
    "ImagingFrequency": 127.697,
    "InPlanePhaseEncodingDirectionDICOM": "ROW",
    "InstitutionName": "NIH FMRIF",
    "InversionTime": 0.4,
    "MRAcquisitionType": "3D",
    "MagneticFieldStrength": 3,
    "Manufacturer": "GE",
    "ManufacturersModelName": "DISCOVERY MR750",
    "Modality": "MR",
    "ParallelReductionFactorInPlane": 1.72974,
    "PatientPosition": "HFS",
    "PercentPhaseFOV": 100,
    "PercentSampling": 100,
    "PixelBandwidth": 244.141,
    "ProcedureStepDescription": "MRI Brain",
    "ProtocolName": "ADNI3 FMRIF Enhanced Pro",
    "ReconMatrixPE": 256,
    "RepetitionTime": 0.007348,
    "SAR": 0.15447,
    "ScanOptions": "FAST_GEMS\\EDR_GEMS\\FILTERED_GEMS\\ACC_GEMS\\IR_GEMS",
    "ScanningSequence": "GR",
    "SequenceVariant": "SS\\SP\\SK",
    "SeriesDescription": "Accelerated Sagittal IR-FSPGR",
    "SeriesNumber": 3,
    "SliceThickness": 1.2,
    "SoftwareVersions": "27\\LX\\MR Software release:DV26.0_R01_1725.a",
    "SpacingBetweenSlices": 1.2,
    "SpoilingState": true,
    "StationName": "fmrif3tb",
    "acq_id": "FSPGR",
    "dataset": "ds004215",
    "modality": "T1w",
    "rec_id": "SCIC",
    "session_id": "01",
    "subject_id": "ON86779"
  },
  "cjv": 0.3096309430933618,
  "cnr": 4.4040104725085225,
  "efc": 0.5544265535025618,
  "fber": -1.0,
  "fwhm_avg": 3.741581565017763,
  "fwhm_x": 3.453008781455438,
  "fwhm_y": 4.055655571398135,
  "fwhm_z": 3.716080342199715,
  "icvs_csf": 0.2069201394501987,
  "icvs_gm": 0.46155352857903303,
  "icvs_wm": 0.3315263319707683,
  "inu_med": 0.5119666457176208,
  "inu_range": 0.12836064398288727,
  "provenance": {
    "md5sum": "060074edacf0534d776d8f55744a48c4",
    "settings": {
      "testing": false
    },
    "software": "mriqc",
    "version": "22.0.6",
    "warnings": {
      "large_rot_frame": true,
      "small_air_mask": false
    },
    "webapi_port": null,
    "webapi_url": "https://mriqc.nimh.nih.gov/api/v1"
  },
  "qi_1": 0.0001323121587990645,
  "qi_2": 0.0048332789937964,
  "rpve_csf": 35.49882912438505,
  "rpve_gm": 17.421686449974732,
  "rpve_wm": 27.608742216042078,
  "size_x": 196,
  "size_y": 256,
  "size_z": 256,
  "snr_csf": 2.081346933974701,
  "snr_gm": 11.155685344949932,
  "snr_total": 12.121240574971132,
  "snr_wm": 23.126689445988763,
  "snrd_csf": 17.749266463205114,
  "snrd_gm": 50.9142201158029,
  "snrd_total": 48.16479840443236,
  "snrd_wm": 75.83090863428907,
  "spacing_x": 1.1999969482421875,
  "spacing_y": 1.0547000169754028,
  "spacing_z": 1.0547000169754028,
  "summary_bg_k": 17.730995941554596,
  "summary_bg_mad": 0.0,
  "summary_bg_mean": 4.77897467636708,
  "summary_bg_median": 0.0,
  "summary_bg_n": 1066363.0,
  "summary_bg_p05": 0.0,
  "summary_bg_p95": 21.53455152735114,
  "summary_bg_stdv": 8.639437587801748,
  "summary_csf_k": 0.7955564957754144,
  "summary_csf_mad": 102.04474710274944,
  "summary_csf_mean": 240.79497583129876,
  "summary_csf_median": 234.06374586746097,
  "summary_csf_n": 15249.0,
  "summary_csf_p05": 75.41557933613659,
  "summary_csf_p95": 450.3709317035973,
  "summary_csf_stdv": 112.45413592352203,
  "summary_gm_k": 0.11975752339649626,
  "summary_gm_mad": 59.57702300909024,
  "summary_gm_mean": 669.3894547799551,
  "summary_gm_median": 671.4177795983851,
  "summary_gm_n": 42042.0,
  "summary_gm_p05": 568.038194116205,
  "summary_gm_p95": 764.9385245447977,
  "summary_gm_stdv": 60.18543672631654,
  "summary_wm_k": 0.19126819493596647,
  "summary_wm_mad": 42.162200898740785,
  "summary_wm_mean": 999.4471669994678,
  "summary_wm_median": 1000.0000036209822,
  "summary_wm_n": 140926.0,
  "summary_wm_p05": 927.0847677476704,
  "summary_wm_p95": 1069.3776656389236,
  "summary_wm_stdv": 43.23993098920518,
  "tpm_overlap_csf": 0.14759133670498228,
  "tpm_overlap_gm": 0.47691401675895295,
  "tpm_overlap_wm": 0.5119351066744204,
  "wm2max": 0.49216518196724085
}