{
  "aor": 0.002084472361809045,
  "aqi": 0.0033346784924623116,
  "bids_meta": {
    "AcquisitionMatrixPE": 64,
    "AcquisitionNumber": 1,
    "AcquisitionTime": "10:16:11.000000",
    "BodyPartExamined": "BRAIN",
    "CoilString": "32Ch Head",
    "ConversionSoftware": "dcm2niix",
    "ConversionSoftwareVersion": "v1.0.20211006",
    "Dcm2bidsVersion": "2.1.6",
    "DeviceSerialNumber": "000301496mr3T5mr",
    "EchoTime": 0.0169,
    "EffectiveEchoSpacing": 0.000416,
    "FlipAngle": 90,
    "ImageOrientationPatientDICOM": [
      1,
      0,
      0,
      0,
      1,
      0
    ],
    "ImageType": [
      "ORIGINAL",
      "PRIMARY",
      "OTHER"
    ],
    "ImagingFrequency": 127.824,
    "InPlanePhaseEncodingDirectionDICOM": "COL",
    "InstitutionName": "NIH FMRIF",
    "InternalPulseSequenceName": "EPI",
    "MRAcquisitionType": "2D",
    "MagneticFieldStrength": 3,
    "Manufacturer": "GE",
    "ManufacturersModelName": "DISCOVERY MR750",
    "Modality": "MR",
    "PatientPosition": "HFS",
    "PercentPhaseFOV": 100,
    "PercentSampling": 100,
    "PhaseEncodingDirection": "j",
    "PhaseEncodingPolarityGE": "Flipped",
    "PixelBandwidth": 7812.5,
    "ProcedureStepDescription": "MRI Brain",
    "ProtocolName": "ADNI3 FMRIF Enhanced Pro",
    "PulseSequenceName": "epi",
    "ReconMatrixPE": 64,
    "RepetitionTime": 3,
    "SAR": 0.148525,
    "ScanOptions": "MP_GEMS\\EPI_GEMS\\PFF",
    "ScanningSequence": "EP\\GR",
    "SequenceVariant": "SS",
    "SeriesDescription": "Axial rsfMRI with Eyes Open - RKV",
    "SeriesNumber": 10,
    "SliceThickness": 3.4,
    "SliceTiming": [
      0,
      1.5,
      0.0625,
      1.5625,
      0.125,
      1.625,
      0.1875,
      1.6875,
      0.25,
      1.75,
      0.3125,
      1.8125,
      0.375,
      1.875,
      0.4375,
      1.9375,
      0.5,
      2,
      0.5625,
      2.0625,
      0.625,
      2.125,
      0.6875,
      2.1875,
      0.75,
      2.25,
      0.8125,
      2.3125,
      0.875,
      2.375,
      0.9375,
      2.4375,
      1,
      2.5,
      1.0625,
      2.5625,
      1.125,
      2.625,
      1.1875,
      2.6875,
      1.25,
      2.75,
      1.3125,
      2.8125,
      1.375,
      2.875,
      1.4375,
      2.9375
    ],
    "SoftwareVersions": "27\\LX\\MR Software release:DV26.0_R03_1831.b",
    "SpacingBetweenSlices": 3.4,
    "StationName": "FMRI3ta",
    "TaskName": "Resting state with eyes open.",
    "TotalReadoutTime": 0.026208,
    "TriggerDelayTime": 599938,
    "dataset": "ds004215",
    "modality": "bold",
    "session_id": "01",
    "subject_id": "ON02811",
    "task_id": "rest"
  },
  "dummy_trs": 1,
  "dvars_nstd": 14.515604602020199,
  "dvars_std": 1.2735900874242427,
  "dvars_vstd": 0.9301258464646467,
  "efc": 0.4478389476523346,
  "fber": 4770.466796875,
  "fd_mean": 0.12307729835994129,
  "fd_num": 19,
  "fd_perc": 9.547738693467336,
  "fwhm_avg": 2.8475307836234642,
  "fwhm_x": 2.7240465454545455,
  "fwhm_y": 2.5490472727272726,
  "fwhm_z": 3.269498532688575,
  "gcor": 0.0242882,
  "gsr_x": 0.00992649793624878,
  "gsr_y": 0.02482037991285324,
  "provenance": {
    "md5sum": "a52e94787ef67eeb19e85d9b06d5f8dd",
    "settings": {
      "fd_thres": 0.2,
      "testing": false
    },
    "software": "mriqc",
    "version": "22.0.6",
    "webapi_port": null,
    "webapi_url": "https://mriqc.nimh.nih.gov/api/v1"
  },
  "size_t": 199,
  "size_x": 64,
  "size_y": 64,
  "size_z": 48,
  "snr": 3.9936291811808133,
  "spacing_tr": 3.0,
  "spacing_x": 3.4375,
  "spacing_y": 3.4375,
  "spacing_z": 3.4000015258789062,
  "summary_bg_k": 25.777799620392855,
  "summary_bg_mad": 11.570257258482876,
  "summary_bg_mean": 109.38326263427734,
  "summary_bg_median": 32.432159423828125,
  "summary_bg_n": 135658.0,
  "summary_bg_p05": 18.36180877685547,
  "summary_bg_p95": 549.2273712158199,
  "summary_bg_stdv": 216.79110717773438,
  "summary_fg_k": 2.3268011432918385,
  "summary_fg_mad": 462.3409595039708,
  "summary_fg_mean": 2337.283935546875,
  "summary_fg_median": 2239.648193359375,
  "summary_fg_n": 24949.0,
  "summary_fg_p05": 1585.303515625,
  "summary_fg_p95": 3373.89443359375,
  "summary_fg_stdv": 560.7940063476562,
  "tsnr": 89.19899903889745
}