{
  "aor": 0.03818222222222223,
  "aqi": 0.0007620383333333333,
  "bids_meta": {
    "AcquisitionMatrixPE": 64,
    "AcquisitionNumber": 1,
    "AcquisitionTime": "10:27:23.000000",
    "BodyPartExamined": "BRAIN",
    "CoilString": "32Ch Head",
    "ConversionSoftware": "dcm2niix",
    "ConversionSoftwareVersion": "v1.0.20211006",
    "Dcm2bidsVersion": "2.1.6",
    "DeviceSerialNumber": "000301496mr3T5mr",
    "EchoTime": 0.0169,
    "EffectiveEchoSpacing": 0.000416,
    "FlipAngle": 90,
    "ImageOrientationPatientDICOM": [
      1,
      0,
      0,
      0,
      1,
      0
    ],
    "ImageType": [
      "ORIGINAL",
      "PRIMARY",
      "OTHER"
    ],
    "ImagingFrequency": 127.824,
    "InPlanePhaseEncodingDirectionDICOM": "COL",
    "InstitutionName": "NIH FMRIF",
    "InternalPulseSequenceName": "EPI",
    "MRAcquisitionType": "2D",
    "MagneticFieldStrength": 3,
    "Manufacturer": "GE",
    "ManufacturersModelName": "DISCOVERY MR750",
    "Modality": "MR",
    "PatientPosition": "HFS",
    "PercentPhaseFOV": 100,
    "PercentSampling": 100,
    "PhaseEncodingDirection": "j",
    "PhaseEncodingPolarityGE": "Flipped",
    "PixelBandwidth": 7812.5,
    "ProcedureStepDescription": "MRI Brain",
    "ProtocolName": "ADNI3 FMRIF Enhanced Pro",
    "PulseSequenceName": "epi",
    "ReconMatrixPE": 64,
    "RepetitionTime": 3,
    "SAR": 0.148525,
    "ScanOptions": "MP_GEMS\\EPI_GEMS\\PFF",
    "ScanningSequence": "EP\\GR",
    "SequenceVariant": "SS",
    "SeriesDescription": "Axial rsfMRI reverse blip - RKV",
    "SeriesNumber": 11,
    "SliceThickness": 3.4,
    "SliceTiming": [
      0,
      1.5,
      0.0625,
      1.5625,
      0.125,
      1.625,
      0.1875,
      1.6875,
      0.25,
      1.75,
      0.3125,
      1.8125,
      0.375,
      1.875,
      0.4375,
      1.9375,
      0.5,
      2,
      0.5625,
      2.0625,
      0.625,
      2.125,
      0.6875,
      2.1875,
      0.75,
      2.25,
      0.8125,
      2.3125,
      0.875,
      2.375,
      0.9375,
      2.4375,
      1,
      2.5,
      1.0625,
      2.5625,
      1.125,
      2.625,
      1.1875,
      2.6875,
      1.25,
      2.75,
      1.3125,
      2.8125,
      1.375,
      2.875,
      1.4375,
      2.9375
    ],
    "SoftwareVersions": "27\\LX\\MR Software release:DV26.0_R03_1831.b",
    "SpacingBetweenSlices": 3.4,
    "StationName": "FMRI3ta",
    "TaskName": "Resting state with reverse blip.",
    "TotalReadoutTime": 0.026208,
    "TriggerDelayTime": 29938,
    "dataset": "ds004215",
    "modality": "bold",
    "session_id": "01",
    "subject_id": "ON02811",
    "task_id": "rest"
  },
  "dummy_trs": 1,
  "dvars_nstd": 13.258429884999998,
  "dvars_std": 1.37135587625,
  "dvars_vstd": 1.3777711687500003,
  "efc": 0.4464642631170517,
  "fber": 5024.72705078125,
  "fd_mean": 0.09270574852770902,
  "fd_num": 0,
  "fd_perc": 0.0,
  "fwhm_avg": 2.8445290606567197,
  "fwhm_x": 2.693163636363636,
  "fwhm_y": 2.540130909090909,
  "fwhm_z": 3.3002926365156124,
  "gcor": 0.0253285,
  "gsr_x": 0.009546233341097832,
  "gsr_y": 0.0249940138310194,
  "provenance": {
    "md5sum": "11be53538a436534510f2ac508df6369",
    "settings": {
      "fd_thres": 0.2,
      "testing": false
    },
    "software": "mriqc",
    "version": "22.0.6",
    "webapi_port": null,
    "webapi_url": "https://mriqc.nimh.nih.gov/api/v1"
  },
  "size_t": 9,
  "size_x": 64,
  "size_y": 64,
  "size_z": 48,
  "snr": 4.039110178420596,
  "spacing_tr": 3.0,
  "spacing_x": 3.4375,
  "spacing_y": 3.4375,
  "spacing_z": 3.4000015258789062,
  "summary_bg_k": 38.06740691825042,
  "summary_bg_mad": 8.895616138872926,
  "summary_bg_mean": 111.44817352294922,
  "summary_bg_median": 31.66666603088379,
  "summary_bg_n": 136028.0,
  "summary_bg_p05": 22.88888931274414,
  "summary_bg_p95": 560.6666870117188,
  "summary_bg_stdv": 228.6981201171875,
  "summary_fg_k": 2.1420352777654017,
  "summary_fg_mad": 466.52561874424015,
  "summary_fg_mean": 2348.373291015625,
  "summary_fg_median": 2254.5556640625,
  "summary_fg_n": 24853.0,
  "summary_fg_p05": 1591.6221923828125,
  "summary_fg_p95": 3385.8666992187495,
  "summary_fg_stdv": 558.1700439453125,
  "tsnr": 174.78011294826865
}