{
  "aor": 0.04087111111111111,
  "aqi": 0.0013617738888888889,
  "bids_meta": {
    "AcquisitionMatrixPE": 64,
    "AcquisitionNumber": 1,
    "AcquisitionTime": "15:55:36.000000",
    "BodyPartExamined": "BRAIN",
    "CoilString": "32Ch Head",
    "ConversionSoftware": "dcm2niix",
    "ConversionSoftwareVersion": "v1.0.20211006",
    "Dcm2bidsVersion": "2.1.6",
    "DeviceSerialNumber": "000301496MR3T6MR",
    "EchoTime": 0.0169,
    "EffectiveEchoSpacing": 0.000416,
    "FlipAngle": 90,
    "ImageOrientationPatientDICOM": [
      1,
      0,
      0,
      0,
      1,
      0
    ],
    "ImageType": [
      "ORIGINAL",
      "PRIMARY",
      "OTHER"
    ],
    "ImagingFrequency": 127.696,
    "InPlanePhaseEncodingDirectionDICOM": "COL",
    "InstitutionName": "NIH FMRIF",
    "InternalPulseSequenceName": "EPI",
    "MRAcquisitionType": "2D",
    "MagneticFieldStrength": 3,
    "Manufacturer": "GE",
    "ManufacturersModelName": "DISCOVERY MR750",
    "Modality": "MR",
    "PatientPosition": "HFS",
    "PercentPhaseFOV": 100,
    "PercentSampling": 100,
    "PhaseEncodingDirection": "j-",
    "PhaseEncodingPolarityGE": "Unflipped",
    "PixelBandwidth": 7812.5,
    "ProcedureStepDescription": "MRI Brain",
    "ProtocolName": "ADNI3 FMRIF Enhanced Pro",
    "PulseSequenceName": "epi",
    "ReconMatrixPE": 64,
    "RepetitionTime": 3,
    "SAR": 0.215408,
    "ScanOptions": "MP_GEMS\\EPI_GEMS\\PFF",
    "ScanningSequence": "EP\\GR",
    "SequenceVariant": "SS",
    "SeriesDescription": "Axial rsfMRI reverse blip - RKV",
    "SeriesNumber": 11,
    "SliceThickness": 3.4,
    "SliceTiming": [
      0,
      1.5,
      0.0625,
      1.5625,
      0.125,
      1.625,
      0.1875,
      1.6875,
      0.25,
      1.75,
      0.3125,
      1.8125,
      0.375,
      1.875,
      0.4375,
      1.9375,
      0.5,
      2,
      0.5625,
      2.0625,
      0.625,
      2.125,
      0.6875,
      2.1875,
      0.75,
      2.25,
      0.8125,
      2.3125,
      0.875,
      2.375,
      0.9375,
      2.4375,
      1,
      2.5,
      1.0625,
      2.5625,
      1.125,
      2.625,
      1.1875,
      2.6875,
      1.25,
      2.75,
      1.3125,
      2.8125,
      1.375,
      2.875,
      1.4375,
      2.9375
    ],
    "SoftwareVersions": "27\\LX\\MR Software release:DV26.0_R03_1831.b",
    "SpacingBetweenSlices": 3.4,
    "StationName": "FMRI3tb",
    "TaskName": "Resting state with reverse blip.",
    "TotalReadoutTime": 0.026208,
    "TriggerDelayTime": 29938,
    "dataset": "ds004215",
    "modality": "bold",
    "session_id": "01",
    "subject_id": "ON22671",
    "task_id": "rest"
  },
  "dummy_trs": 1,
  "dvars_nstd": 14.19410574375,
  "dvars_std": 1.3950052725000002,
  "dvars_vstd": 1.3641104687499999,
  "efc": 0.4554962910511895,
  "fber": 5662.43115234375,
  "fd_mean": 0.10772423436086248,
  "fd_num": 1,
  "fd_perc": 11.11111111111111,
  "fwhm_avg": 2.5414263308868597,
  "fwhm_x": 2.519959272727273,
  "fwhm_y": 2.4858385454545457,
  "fwhm_z": 2.6184811744787604,
  "gcor": 0.0673838,
  "gsr_x": -0.020182795822620392,
  "gsr_y": 0.05734393373131752,
  "provenance": {
    "md5sum": "3274ef2b50d61df52f6bee83850ecdab",
    "settings": {
      "fd_thres": 0.2,
      "testing": false
    },
    "software": "mriqc",
    "version": "22.0.6",
    "webapi_port": null,
    "webapi_url": "https://mriqc.nimh.nih.gov/api/v1"
  },
  "size_t": 9,
  "size_x": 64,
  "size_y": 64,
  "size_z": 48,
  "snr": 4.603252300600497,
  "spacing_tr": 3.0,
  "spacing_x": 3.4375,
  "spacing_y": 3.4375,
  "spacing_z": 3.3999977111816406,
  "summary_bg_k": 49.918650159987266,
  "summary_bg_mad": 7.083545189677571,
  "summary_bg_mean": 99.15443420410156,
  "summary_bg_median": 32.11111068725586,
  "summary_bg_n": 132147.0,
  "summary_bg_p05": 24.11111068725586,
  "summary_bg_p95": 434.7444366455075,
  "summary_bg_stdv": 190.70852661132812,
  "summary_fg_k": 1.4495153941250702,
  "summary_fg_mad": 469.16107449446946,
  "summary_fg_mean": 2480.420166015625,
  "summary_fg_median": 2435.77783203125,
  "summary_fg_n": 28019.0,
  "summary_fg_p05": 1647.4222412109375,
  "summary_fg_p95": 3389.2555175781245,
  "summary_fg_stdv": 529.1333618164062,
  "tsnr": 147.8812499344349
}