{
  "bids_meta": {
    "AcquisitionMatrixPE": 256,
    "AcquisitionNumber": 1,
    "AcquisitionTime": "15:10:49.000000",
    "BodyPartExamined": "BRAIN",
    "CoilString": "32Ch Head",
    "ConversionSoftware": "dcm2niix",
    "ConversionSoftwareVersion": "v1.0.20211006",
    "Dcm2bidsVersion": "2.1.6",
    "DeviceSerialNumber": "000301496MR3T6MR",
    "EchoTime": 0.066629,
    "EchoTrainLength": 140,
    "FlipAngle": 90,
    "ImageOrientationPatientDICOM": [
      0,
      1,
      0,
      0,
      0,
      -1
    ],
    "ImageType": [
      "ORIGINAL",
      "PRIMARY",
      "OTHER"
    ],
    "ImagingFrequency": 127.697,
    "InPlanePhaseEncodingDirectionDICOM": "ROW",
    "InstitutionName": "NIH FMRIF",
    "MRAcquisitionType": "3D",
    "MagneticFieldStrength": 3,
    "Manufacturer": "GE",
    "ManufacturersModelName": "DISCOVERY MR750",
    "Modality": "MR",
    "ParallelReductionFactorInPlane": 2,
    "ParallelReductionOutOfPlane": 1.5,
    "PatientPosition": "HFS",
    "PercentPhaseFOV": 100,
    "PercentSampling": 100,
    "PhaseEncodingAxis": "i",
    "PixelBandwidth": 244.141,
    "ProcedureStepDescription": "MRI Brain",
    "ProtocolName": "ADNI3 FMRIF Enhanced Pro",
    "ReconMatrixPE": 256,
    "RepetitionTime": 3.202,
    "SAR": 0.4348,
    "ScanOptions": "SAT_GEMS\\EDR_GEMS\\PROMO_GEMS\\FILTERED_GEMS\\ACC_GEMS\\FS\\FR_GEMS",
    "ScanningSequence": "RM",
    "SequenceVariant": "NONE",
    "SeriesDescription": "Anat T2w CUBE (ABCD)",
    "SeriesNumber": 4,
    "SliceThickness": 1,
    "SoftwareVersions": "27\\LX\\MR Software release:DV26.0_R03_1831.b",
    "SpacingBetweenSlices": 1,
    "StationName": "FMRI3tb",
    "acq_id": "CUBE",
    "dataset": "ds004215",
    "modality": "T2w",
    "rec_id": "SCIC",
    "session_id": "01",
    "subject_id": "ON51005"
  },
  "cjv": 0.2297458408022997,
  "cnr": 4.447769188245028,
  "efc": 0.43541410720323476,
  "fber": 1958.188930612245,
  "fwhm_avg": 2.470686666666667,
  "fwhm_x": 2.01317,
  "fwhm_y": 2.78643,
  "fwhm_z": 2.61246,
  "icvs_csf": 0.2205287956150736,
  "icvs_gm": 0.7096070044082706,
  "icvs_wm": 0.06986419997665584,
  "inu_med": 0.6905357837677002,
  "inu_range": 0.16283854842185974,
  "provenance": {
    "md5sum": "c89c4dc9ec4a965fcab5b77e3ee3fb58",
    "settings": {
      "testing": false
    },
    "software": "mriqc",
    "version": "22.0.6",
    "warnings": {
      "large_rot_frame": true,
      "small_air_mask": false
    },
    "webapi_port": null,
    "webapi_url": "https://mriqc.nimh.nih.gov/api/v1"
  },
  "qi_1": 0.00011798315985240011,
  "qi_2": 0.002333538952868588,
  "rpve_csf": 26.19967329663011,
  "rpve_gm": 11.085549901048443,
  "rpve_wm": 93.93080836153581,
  "size_x": 204,
  "size_y": 256,
  "size_z": 256,
  "snr_csf": 6.02509370424508,
  "snr_gm": 7.953946820721346,
  "snr_total": 4.945326002920029,
  "snr_wm": 0.8569374837936605,
  "snrd_csf": 142.5833423807159,
  "snrd_gm": 47.748306101475535,
  "snrd_total": 65.46730654878405,
  "snrd_wm": 6.070271164160711,
  "spacing_x": 1.0,
  "spacing_y": 1.0,
  "spacing_z": 1.0,
  "summary_bg_k": 160.78154875027658,
  "summary_bg_mad": 108.0364725689399,
  "summary_bg_mean": 115.09530085802534,
  "summary_bg_median": 83.16179472208023,
  "summary_bg_n": 3475826.0,
  "summary_bg_p05": 0.0,
  "summary_bg_p95": 260.60106959939003,
  "summary_bg_stdv": 208.35846141627607,
  "summary_csf_k": 4.775769364374818,
  "summary_csf_mad": 2458.592720382429,
  "summary_csf_mean": 22252.912492800268,
  "summary_csf_median": 23512.968227535486,
  "summary_csf_n": 63935.0,
  "summary_csf_p05": 14019.225975903868,
  "summary_csf_p95": 25670.646277725697,
  "summary_csf_stdv": 3902.4761272062688,
  "summary_gm_k": 0.044595080295921186,
  "summary_gm_mad": 985.7565152476719,
  "summary_gm_mean": 7988.157801221817,
  "summary_gm_median": 7874.022207200527,
  "summary_gm_n": 447929.0,
  "summary_gm_p05": 6550.020564496517,
  "summary_gm_p95": 9781.391489118338,
  "summary_gm_stdv": 989.950473055508,
  "summary_wm_k": 20.56944554638474,
  "summary_wm_mad": 593.285035802314,
  "summary_wm_mean": 1358.5763368618345,
  "summary_wm_median": 1001.0292270630598,
  "summary_wm_n": 10350.0,
  "summary_wm_p05": 402.6348279118538,
  "summary_wm_p95": 3678.4684942662716,
  "summary_wm_stdv": 1168.0908886885372,
  "tpm_overlap_csf": 0.158844461959857,
  "tpm_overlap_gm": 0.4263668035229733,
  "tpm_overlap_wm": 0.020294362703025735,
  "wm2max": 0.03896821962594355
}