{
  "bids_meta": {
    "AcquisitionMatrixPE": 256,
    "AcquisitionNumber": 1,
    "AcquisitionTime": "15:10:49.000000",
    "BodyPartExamined": "BRAIN",
    "CoilString": "32Ch Head",
    "ConversionSoftware": "dcm2niix",
    "ConversionSoftwareVersion": "v1.0.20211006",
    "Dcm2bidsVersion": "2.1.6",
    "DeviceSerialNumber": "000301496MR3T6MR",
    "EchoTime": 0.066629,
    "EchoTrainLength": 140,
    "FlipAngle": 90,
    "ImageOrientationPatientDICOM": [
      0,
      1,
      0,
      0,
      0,
      -1
    ],
    "ImageType": [
      "ORIGINAL",
      "PRIMARY",
      "OTHER"
    ],
    "ImagingFrequency": 127.697,
    "InPlanePhaseEncodingDirectionDICOM": "ROW",
    "InstitutionName": "NIH FMRIF",
    "MRAcquisitionType": "3D",
    "MagneticFieldStrength": 3,
    "Manufacturer": "GE",
    "ManufacturersModelName": "DISCOVERY MR750",
    "Modality": "MR",
    "ParallelReductionFactorInPlane": 2,
    "ParallelReductionOutOfPlane": 1.5,
    "PatientPosition": "HFS",
    "PercentPhaseFOV": 100,
    "PercentSampling": 100,
    "PhaseEncodingAxis": "i",
    "PixelBandwidth": 244.141,
    "ProcedureStepDescription": "MRI Brain",
    "ProtocolName": "ADNI3 FMRIF Enhanced Pro",
    "ReconMatrixPE": 256,
    "RepetitionTime": 3.202,
    "SAR": 0.4348,
    "ScanOptions": "SAT_GEMS\\EDR_GEMS\\PROMO_GEMS\\ACC_GEMS\\FS\\FR_GEMS",
    "ScanningSequence": "RM",
    "SequenceVariant": "NONE",
    "SeriesDescription": "ORIG Anat T2w CUBE (ABCD)",
    "SeriesNumber": 40004,
    "SliceThickness": 1,
    "SoftwareVersions": "27\\LX\\MR Software release:DV26.0_R03_1831.b",
    "SpacingBetweenSlices": 1,
    "StationName": "FMRI3tb",
    "acq_id": "CUBE",
    "dataset": "ds004215",
    "modality": "T2w",
    "session_id": "01",
    "subject_id": "ON51005"
  },
  "cjv": 0.2204922275153894,
  "cnr": 4.673757507734624,
  "efc": 0.38762173398290317,
  "fber": 4608.616589533642,
  "fwhm_avg": 2.62466,
  "fwhm_x": 2.16229,
  "fwhm_y": 2.86499,
  "fwhm_z": 2.8467,
  "icvs_csf": 0.2320635543815596,
  "icvs_gm": 0.702078179514408,
  "icvs_wm": 0.06585826610403239,
  "inu_med": 0.8868173062801361,
  "inu_range": 0.4473931819200516,
  "provenance": {
    "md5sum": "8d71dc9748257f3f7d08e94126f9fa98",
    "settings": {
      "testing": false
    },
    "software": "mriqc",
    "version": "22.0.6",
    "warnings": {
      "large_rot_frame": true,
      "small_air_mask": false
    },
    "webapi_port": null,
    "webapi_url": "https://mriqc.nimh.nih.gov/api/v1"
  },
  "qi_1": 4.627157300324192e-05,
  "qi_2": 0.004654751643586642,
  "rpve_csf": 24.461733731198215,
  "rpve_gm": 11.069633611326303,
  "rpve_wm": 100.5682037299268,
  "size_x": 204,
  "size_y": 256,
  "size_z": 256,
  "snr_csf": 5.135428840247097,
  "snr_gm": 8.003557612862027,
  "snr_total": 4.671378125472796,
  "snr_wm": 0.8751479233092665,
  "snrd_csf": 106.24463648594902,
  "snrd_gm": 38.464562043901154,
  "snrd_total": 49.784472091824874,
  "snrd_wm": 4.644217745624457,
  "spacing_x": 1.0,
  "spacing_y": 1.0,
  "spacing_z": 1.0,
  "summary_bg_k": 136.37281459477472,
  "summary_bg_mad": 141.33571531599827,
  "summary_bg_mean": 128.97299625332732,
  "summary_bg_median": 95.32949131727219,
  "summary_bg_n": 4220725.0,
  "summary_bg_p05": 0.0,
  "summary_bg_p95": 376.1996033191681,
  "summary_bg_stdv": 226.98179151035774,
  "summary_csf_k": 2.7514488947656526,
  "summary_csf_mad": 3381.622987258616,
  "summary_csf_mean": 22602.18128469563,
  "summary_csf_median": 22920.66460698843,
  "summary_csf_n": 63600.0,
  "summary_csf_p05": 14263.563174179197,
  "summary_csf_p95": 28840.050202071667,
  "summary_csf_stdv": 4463.20747991771,
  "summary_gm_k": 0.07698197865206557,
  "summary_gm_mad": 1011.1669297104305,
  "summary_gm_mean": 8421.194229548517,
  "summary_gm_median": 8298.14431130886,
  "summary_gm_n": 436561.0,
  "summary_gm_p05": 6914.267199099064,
  "summary_gm_p95": 10330.13400542736,
  "summary_gm_stdv": 1036.8057817158976,
  "summary_wm_k": 20.083698733294852,
  "summary_wm_mad": 597.5939640877779,
  "summary_wm_mean": 1323.180939265186,
  "summary_wm_median": 1001.9193516969681,
  "summary_wm_n": 9577.0,
  "summary_wm_p05": 328.21496003866196,
  "summary_wm_p95": 3499.6799832582406,
  "summary_wm_stdv": 1144.7973708498027,
  "tpm_overlap_csf": 0.15605694104132192,
  "tpm_overlap_gm": 0.42135094986966465,
  "tpm_overlap_wm": 0.016126912552528724,
  "wm2max": 0.03320235541240797
}