{
  "bids_meta": {
    "AcquisitionMatrixPE": 256,
    "AcquisitionNumber": 1,
    "AcquisitionTime": "15:04:18.000000",
    "BodyPartExamined": "BRAIN",
    "CoilString": "32Ch Head",
    "ConversionSoftware": "dcm2niix",
    "ConversionSoftwareVersion": "v1.0.20211006",
    "Dcm2bidsVersion": "2.1.6",
    "DeviceSerialNumber": "000301496MR3T6MR",
    "EchoTime": 0.00292,
    "FlipAngle": 8,
    "ImageOrientationPatientDICOM": [
      0,
      1,
      0,
      0,
      0,
      -1
    ],
    "ImageType": [
      "ORIGINAL",
      "PRIMARY",
      "OTHER"
    ],
    "ImagingFrequency": 127.697,
    "InPlanePhaseEncodingDirectionDICOM": "ROW",
    "InstitutionName": "NIH FMRIF",
    "InversionTime": 1.06,
    "MRAcquisitionType": "3D",
    "MagneticFieldStrength": 3,
    "Manufacturer": "GE",
    "ManufacturersModelName": "DISCOVERY MR750",
    "Modality": "MR",
    "ParallelReductionFactorInPlane": 2,
    "ParallelReductionOutOfPlane": 2,
    "PatientPosition": "HFS",
    "PercentPhaseFOV": 100,
    "PercentSampling": 100,
    "PixelBandwidth": 244.141,
    "ProcedureStepDescription": "MRI Brain",
    "ProtocolName": "ADNI3 FMRIF Enhanced Pro",
    "ReconMatrixPE": 256,
    "RepetitionTime": 0.006952,
    "SAR": 0.121519,
    "ScanOptions": "EDR_GEMS\\PROMO_GEMS\\ACC_GEMS\\IR_GEMS",
    "ScanningSequence": "RM",
    "SequenceVariant": "NONE",
    "SeriesDescription": "ORIG Anat T1w MP-RAGE 1mm (ABCD)",
    "SeriesNumber": 40003,
    "SliceThickness": 1,
    "SoftwareVersions": "27\\LX\\MR Software release:DV26.0_R03_1831.b",
    "SpacingBetweenSlices": 1,
    "StationName": "FMRI3tb",
    "acq_id": "MPRAGE",
    "dataset": "ds004215",
    "modality": "T1w",
    "session_id": "01",
    "subject_id": "ON51005"
  },
  "cjv": 0.34544938044093926,
  "cnr": 3.8093153020037835,
  "efc": 0.4295857224070314,
  "fber": 4415.891417769376,
  "fwhm_avg": 3.8144633333333338,
  "fwhm_x": 3.69387,
  "fwhm_y": 3.99562,
  "fwhm_z": 3.7539,
  "icvs_csf": 0.2569078979175877,
  "icvs_gm": 0.4290289736313641,
  "icvs_wm": 0.3140631284510481,
  "inu_med": 0.9169947504997253,
  "inu_range": 0.484616208076477,
  "provenance": {
    "md5sum": "14f1fa3790a997d1fcd32ff4ac1b3e58",
    "settings": {
      "testing": false
    },
    "software": "mriqc",
    "version": "22.0.6",
    "warnings": {
      "large_rot_frame": true,
      "small_air_mask": false
    },
    "webapi_port": null,
    "webapi_url": "https://mriqc.nimh.nih.gov/api/v1"
  },
  "qi_1": 5.760978725311986e-05,
  "qi_2": 0.0009568385635970119,
  "rpve_csf": 25.813505827585747,
  "rpve_gm": 15.14470969213022,
  "rpve_wm": 23.425307866775608,
  "size_x": 208,
  "size_y": 256,
  "size_z": 256,
  "snr_csf": 1.2533856447737808,
  "snr_gm": 7.081818422203977,
  "snr_total": 7.960029728531261,
  "snr_wm": 15.544885118616024,
  "snrd_csf": 4.955676692093777,
  "snrd_gm": 28.5460156424909,
  "snrd_total": 27.248146463190107,
  "snrd_wm": 48.24274705498564,
  "spacing_x": 1.0,
  "spacing_y": 1.0,
  "spacing_z": 1.0,
  "summary_bg_k": 149.0550639753779,
  "summary_bg_mad": 13.580542909141759,
  "summary_bg_mean": 15.045189610391525,
  "summary_bg_median": 9.159936994314194,
  "summary_bg_n": 4358071.0,
  "summary_bg_p05": 0.0,
  "summary_bg_p95": 41.42059228569269,
  "summary_bg_stdv": 19.18940425909004,
  "summary_csf_k": 3.3817997288018242,
  "summary_csf_mad": 58.07469007198779,
  "summary_csf_mean": 122.00726224408433,
  "summary_csf_median": 102.72788988798857,
  "summary_csf_n": 61891.0,
  "summary_csf_p05": 31.17592591047287,
  "summary_csf_p95": 300.5102136731148,
  "summary_csf_stdv": 81.95965894712101,
  "summary_gm_k": -0.07356018834513955,
  "summary_gm_mad": 83.38929856490553,
  "summary_gm_mean": 590.4450866797431,
  "summary_gm_median": 591.7399648651481,
  "summary_gm_n": 36016.0,
  "summary_gm_p05": 450.32339372485876,
  "summary_gm_p95": 725.6839558258653,
  "summary_gm_stdv": 83.5564701847351,
  "summary_wm_k": 1.0662723062771207,
  "summary_wm_mad": 57.65774357916326,
  "summary_wm_mean": 996.3889175523583,
  "summary_wm_median": 1000.0401388704777,
  "summary_wm_n": 159851.0,
  "summary_wm_p05": 884.1347957625985,
  "summary_wm_p95": 1094.1705440357327,
  "summary_wm_stdv": 64.33222266979352,
  "tpm_overlap_csf": 0.1616367476986496,
  "tpm_overlap_gm": 0.4506758544872452,
  "tpm_overlap_wm": 0.4749378901997926,
  "wm2max": 0.45010007683724634
}