{
  "bids_meta": {
    "AcquisitionMatrixPE": 256,
    "AcquisitionNumber": 1,
    "AcquisitionTime": "14:13:12.000000",
    "BodyPartExamined": "BRAIN",
    "CoilString": "32Ch Head",
    "ConversionSoftware": "dcm2niix",
    "ConversionSoftwareVersion": "v1.0.20211006",
    "Dcm2bidsVersion": "2.1.6",
    "DeviceSerialNumber": "000301496MR3T6MR",
    "EchoTime": 0.00292,
    "FlipAngle": 8,
    "ImageOrientationPatientDICOM": [
      0,
      1,
      0,
      0,
      0,
      -1
    ],
    "ImageType": [
      "ORIGINAL",
      "PRIMARY",
      "OTHER"
    ],
    "ImagingFrequency": 127.697,
    "InPlanePhaseEncodingDirectionDICOM": "ROW",
    "InstitutionName": "NIH FMRIF",
    "InversionTime": 1.06,
    "MRAcquisitionType": "3D",
    "MagneticFieldStrength": 3,
    "Manufacturer": "GE",
    "ManufacturersModelName": "DISCOVERY MR750",
    "Modality": "MR",
    "ParallelReductionFactorInPlane": 2,
    "ParallelReductionOutOfPlane": 2,
    "PatientPosition": "HFS",
    "PercentPhaseFOV": 100,
    "PercentSampling": 100,
    "PixelBandwidth": 244.141,
    "ProcedureStepDescription": "MRI Brain",
    "ProtocolName": "ADNI3 FMRIF Enhanced Pro",
    "ReconMatrixPE": 256,
    "RepetitionTime": 0.006952,
    "SAR": 0.125918,
    "ScanOptions": "EDR_GEMS\\PROMO_GEMS\\ACC_GEMS\\IR_GEMS",
    "ScanningSequence": "RM",
    "SequenceVariant": "NONE",
    "SeriesDescription": "ORIG Anat T1w MP-RAGE 1mm (ABCD)",
    "SeriesNumber": 40003,
    "SliceThickness": 1,
    "SoftwareVersions": "27\\LX\\MR Software release:DV26.0_R03_1831.b",
    "SpacingBetweenSlices": 1,
    "StationName": "FMRI3tb",
    "acq_id": "MPRAGE",
    "dataset": "ds004215",
    "modality": "T1w",
    "session_id": "01",
    "subject_id": "ON48925"
  },
  "cjv": 0.3884631388433027,
  "cnr": 3.5173612083412236,
  "efc": 0.4289510072855968,
  "fber": 3613.456534839276,
  "fwhm_avg": 4.124883333333333,
  "fwhm_x": 4.03778,
  "fwhm_y": 4.31612,
  "fwhm_z": 4.02075,
  "icvs_csf": 0.2510184354859324,
  "icvs_gm": 0.39502495936279947,
  "icvs_wm": 0.35395660515126814,
  "inu_med": 0.9156867265701294,
  "inu_range": 0.49262211918830867,
  "provenance": {
    "md5sum": "aee671ab4f337d486a162c0d8fbd0a08",
    "settings": {
      "testing": false
    },
    "software": "mriqc",
    "version": "22.0.6",
    "warnings": {
      "large_rot_frame": true,
      "small_air_mask": false
    },
    "webapi_port": null,
    "webapi_url": "https://mriqc.nimh.nih.gov/api/v1"
  },
  "qi_1": 0.0,
  "qi_2": 0.001224787563010237,
  "rpve_csf": 26.27292057148063,
  "rpve_gm": 15.853710485895002,
  "rpve_wm": 20.734057197394947,
  "size_x": 208,
  "size_y": 256,
  "size_z": 256,
  "snr_csf": 1.247808290289239,
  "snr_gm": 7.196652604876714,
  "snr_total": 8.352341906832793,
  "snr_wm": 16.612564825332424,
  "snrd_csf": 4.9230274578478594,
  "snrd_gm": 26.650819529193264,
  "snrd_total": 24.73914143310786,
  "snrd_wm": 42.64357731228246,
  "spacing_x": 1.0,
  "spacing_y": 1.0,
  "spacing_z": 1.0,
  "summary_bg_k": 212.82560288734803,
  "summary_bg_mad": 15.363753427374748,
  "summary_bg_mean": 13.721962975880066,
  "summary_bg_median": 10.362694211304188,
  "summary_bg_n": 4120418.0,
  "summary_bg_p05": 0.0,
  "summary_bg_p95": 40.653646521270275,
  "summary_bg_stdv": 14.28306647245991,
  "summary_csf_k": 2.2672311983292666,
  "summary_csf_mad": 68.61163389575475,
  "summary_csf_mean": 139.45598940149213,
  "summary_csf_median": 115.45104191824794,
  "summary_csf_n": 67368.0,
  "summary_csf_p05": 35.3992291359231,
  "summary_csf_p95": 338.7051031466568,
  "summary_csf_stdv": 92.52237378527906,
  "summary_gm_k": -0.19357642103698192,
  "summary_gm_mad": 89.0309813996588,
  "summary_gm_mean": 625.8041979682237,
  "summary_gm_median": 624.9944589920342,
  "summary_gm_n": 24470.0,
  "summary_gm_p05": 484.1238167434931,
  "summary_gm_p95": 769.6293277703226,
  "summary_gm_stdv": 86.84338713412234,
  "summary_wm_k": 0.555238169496302,
  "summary_wm_mad": 56.6620478966855,
  "summary_wm_mean": 999.060652145001,
  "summary_wm_median": 1000.0442764088511,
  "summary_wm_n": 194016.0,
  "summary_wm_p05": 899.1187203936279,
  "summary_wm_p95": 1095.8881266089156,
  "summary_wm_stdv": 60.19791102090531,
  "tpm_overlap_csf": 0.13893236917852414,
  "tpm_overlap_gm": 0.4378294717434559,
  "tpm_overlap_wm": 0.49312622499114117,
  "wm2max": 0.40420276365719193
}