{
  "bids_meta": {
    "AcquisitionMatrixPE": 256,
    "AcquisitionNumber": 1,
    "AcquisitionTime": "14:13:12.000000",
    "BodyPartExamined": "BRAIN",
    "CoilString": "32Ch Head",
    "ConversionSoftware": "dcm2niix",
    "ConversionSoftwareVersion": "v1.0.20211006",
    "Dcm2bidsVersion": "2.1.6",
    "DeviceSerialNumber": "000301496MR3T6MR",
    "EchoTime": 0.00292,
    "FlipAngle": 8,
    "ImageOrientationPatientDICOM": [
      0,
      1,
      0,
      0,
      0,
      -1
    ],
    "ImageType": [
      "ORIGINAL",
      "PRIMARY",
      "OTHER"
    ],
    "ImagingFrequency": 127.697,
    "InPlanePhaseEncodingDirectionDICOM": "ROW",
    "InstitutionName": "NIH FMRIF",
    "InversionTime": 1.06,
    "MRAcquisitionType": "3D",
    "MagneticFieldStrength": 3,
    "Manufacturer": "GE",
    "ManufacturersModelName": "DISCOVERY MR750",
    "Modality": "MR",
    "ParallelReductionFactorInPlane": 2,
    "ParallelReductionOutOfPlane": 2,
    "PatientPosition": "HFS",
    "PercentPhaseFOV": 100,
    "PercentSampling": 100,
    "PixelBandwidth": 244.141,
    "ProcedureStepDescription": "MRI Brain",
    "ProtocolName": "ADNI3 FMRIF Enhanced Pro",
    "ReconMatrixPE": 256,
    "RepetitionTime": 0.006952,
    "SAR": 0.125918,
    "ScanOptions": "EDR_GEMS\\PROMO_GEMS\\FILTERED_GEMS\\ACC_GEMS\\IR_GEMS",
    "ScanningSequence": "RM",
    "SequenceVariant": "NONE",
    "SeriesDescription": "Anat T1w MP-RAGE 1mm (ABCD)",
    "SeriesNumber": 3,
    "SliceThickness": 1,
    "SoftwareVersions": "27\\LX\\MR Software release:DV26.0_R03_1831.b",
    "SpacingBetweenSlices": 1,
    "StationName": "FMRI3tb",
    "acq_id": "MPRAGE",
    "dataset": "ds004215",
    "modality": "T1w",
    "rec_id": "SCIC",
    "session_id": "01",
    "subject_id": "ON48925"
  },
  "cjv": 0.41043867345298707,
  "cnr": 3.346844648982952,
  "efc": 0.6665613902800018,
  "fber": 1709.7116014151288,
  "fwhm_avg": 3.697696666666667,
  "fwhm_x": 3.60216,
  "fwhm_y": 3.91519,
  "fwhm_z": 3.57574,
  "icvs_csf": 0.25039638439813283,
  "icvs_gm": 0.3906989852700425,
  "icvs_wm": 0.3589046303318247,
  "inu_med": 0.5871047377586365,
  "inu_range": 0.12493950128555298,
  "provenance": {
    "md5sum": "d9f3ce963dae9164d18fa58747a65619",
    "settings": {
      "testing": false
    },
    "software": "mriqc",
    "version": "22.0.6",
    "warnings": {
      "large_rot_frame": true,
      "small_air_mask": false
    },
    "webapi_port": null,
    "webapi_url": "https://mriqc.nimh.nih.gov/api/v1"
  },
  "qi_1": 0.0,
  "qi_2": 0.00206432770230202,
  "rpve_csf": 26.16852136441915,
  "rpve_gm": 15.931910206377834,
  "rpve_wm": 20.422461455951165,
  "size_x": 208,
  "size_y": 256,
  "size_z": 256,
  "snr_csf": 1.8643777428278385,
  "snr_gm": 7.989056508770525,
  "snr_total": 9.406590949881947,
  "snr_wm": 18.366338598047477,
  "snrd_csf": 8.171453877928204,
  "snrd_gm": 33.29259897830646,
  "snrd_total": 30.523375453469644,
  "snrd_wm": 50.10607350417427,
  "spacing_x": 1.0,
  "spacing_y": 1.0,
  "spacing_z": 1.0,
  "summary_bg_k": 173.17195367751398,
  "summary_bg_mad": 0.0,
  "summary_bg_mean": 8.015784631870067,
  "summary_bg_median": 0.0,
  "summary_bg_n": 986179.0,
  "summary_bg_p05": 0.0,
  "summary_bg_p95": 36.578207194805145,
  "summary_bg_stdv": 13.075393610930384,
  "summary_csf_k": 2.360966049334853,
  "summary_csf_mad": 67.42223870959138,
  "summary_csf_mean": 182.7352857072359,
  "summary_csf_median": 163.08813832886517,
  "summary_csf_n": 74951.0,
  "summary_csf_p05": 79.96848760452121,
  "summary_csf_p95": 366.8942471668124,
  "summary_csf_stdv": 87.47532574209492,
  "summary_gm_k": -0.13759530876666126,
  "summary_gm_mad": 85.3312708668266,
  "summary_gm_mean": 662.7969759190418,
  "summary_gm_median": 664.4629056975245,
  "summary_gm_n": 22180.0,
  "summary_gm_p05": 526.2735900786705,
  "summary_gm_p95": 799.1009840553626,
  "summary_gm_stdv": 83.16976177650064,
  "summary_wm_k": 0.3660022976443291,
  "summary_wm_mad": 52.39880508408461,
  "summary_wm_mean": 999.8287970129498,
  "summary_wm_median": 1000.0308842025697,
  "summary_wm_n": 199926.0,
  "summary_wm_p05": 910.6243541166186,
  "summary_wm_p95": 1088.5723891183734,
  "summary_wm_stdv": 54.44897892186164,
  "tpm_overlap_csf": 0.14337584206346948,
  "tpm_overlap_gm": 0.4363298668160399,
  "tpm_overlap_wm": 0.49787146014301775,
  "wm2max": 0.5832090230597536
}