{
  "bids_meta": {
    "AcquisitionMatrixPE": 256,
    "AcquisitionNumber": 1,
    "AcquisitionTime": "14:45:9.000000",
    "BodyPartExamined": "BRAIN",
    "CoilString": "32Ch Head",
    "ConversionSoftware": "dcm2niix",
    "ConversionSoftwareVersion": "v1.0.20211006",
    "Dcm2bidsVersion": "2.1.6",
    "DeviceSerialNumber": "000301496MR3T6MR",
    "EchoTime": 0.00292,
    "FlipAngle": 8,
    "ImageOrientationPatientDICOM": [
      0,
      1,
      0,
      0,
      0,
      -1
    ],
    "ImageType": [
      "ORIGINAL",
      "PRIMARY",
      "OTHER"
    ],
    "ImagingFrequency": 127.697,
    "InPlanePhaseEncodingDirectionDICOM": "ROW",
    "InstitutionName": "NIH FMRIF",
    "InversionTime": 1.06,
    "MRAcquisitionType": "3D",
    "MagneticFieldStrength": 3,
    "Manufacturer": "GE",
    "ManufacturersModelName": "DISCOVERY MR750",
    "Modality": "MR",
    "ParallelReductionFactorInPlane": 2,
    "ParallelReductionOutOfPlane": 2,
    "PatientPosition": "HFS",
    "PercentPhaseFOV": 100,
    "PercentSampling": 100,
    "PixelBandwidth": 244.141,
    "ProcedureStepDescription": "MRI Brain",
    "ProtocolName": "ADNI3 FMRIF Enhanced Pro",
    "ReconMatrixPE": 256,
    "RepetitionTime": 0.006952,
    "SAR": 0.119971,
    "ScanOptions": "EDR_GEMS\\PROMO_GEMS\\ACC_GEMS\\IR_GEMS",
    "ScanningSequence": "RM",
    "SequenceVariant": "NONE",
    "SeriesDescription": "ORIG Anat T1w MP-RAGE 1mm (ABCD)",
    "SeriesNumber": 40003,
    "SliceThickness": 1,
    "SoftwareVersions": "27\\LX\\MR Software release:DV26.0_R01_1725.a",
    "SpacingBetweenSlices": 1,
    "StationName": "fmrif3tb",
    "acq_id": "MPRAGE",
    "dataset": "ds004215",
    "modality": "T1w",
    "session_id": "01",
    "subject_id": "ON08792"
  },
  "cjv": 0.33074087291405035,
  "cnr": 3.914207734836701,
  "efc": 0.40570429831121624,
  "fber": 6279.296011342549,
  "fwhm_avg": 3.6068233559350475,
  "fwhm_x": 3.595850067805142,
  "fwhm_y": 3.64853,
  "fwhm_z": 3.57609,
  "icvs_csf": 0.22896175380517636,
  "icvs_gm": 0.44496809949379024,
  "icvs_wm": 0.3260701467010334,
  "inu_med": 0.8620293736457825,
  "inu_range": 0.44227105379104625,
  "provenance": {
    "md5sum": "9ecdcb71e63905473300e2ba9bf380e5",
    "settings": {
      "testing": false
    },
    "software": "mriqc",
    "version": "22.0.6",
    "warnings": {
      "large_rot_frame": true,
      "small_air_mask": false
    },
    "webapi_port": null,
    "webapi_url": "https://mriqc.nimh.nih.gov/api/v1"
  },
  "qi_1": 0.0,
  "qi_2": 0.0017075912527386413,
  "rpve_csf": 28.50264507973101,
  "rpve_gm": 15.137105567839692,
  "rpve_wm": 23.44588479607699,
  "size_x": 208,
  "size_y": 256,
  "size_z": 256,
  "snr_csf": 1.0539109600254157,
  "snr_gm": 8.213561441744107,
  "snr_total": 8.768420591603764,
  "snr_wm": 17.03778937304177,
  "snrd_csf": 5.746215924155629,
  "snrd_gm": 29.976701964615696,
  "snrd_total": 27.974891754686823,
  "snrd_wm": 48.20175737528914,
  "spacing_x": 1.0002975463867188,
  "spacing_y": 1.0,
  "spacing_z": 1.0,
  "summary_bg_k": 1.8398141147434401,
  "summary_bg_mad": 13.591545435417013,
  "summary_bg_mean": 13.141726388606065,
  "summary_bg_median": 9.167358085513115,
  "summary_bg_n": 3730903.0,
  "summary_bg_p05": 0.0,
  "summary_bg_p95": 36.5611564591527,
  "summary_bg_stdv": 12.383021432743515,
  "summary_csf_k": 0.9040635232902163,
  "summary_csf_mad": 83.42212336147686,
  "summary_csf_mean": 155.42611528784278,
  "summary_csf_median": 119.21174707263708,
  "summary_csf_n": 29803.0,
  "summary_csf_p05": 31.400006040930748,
  "summary_csf_p95": 395.16727142706503,
  "summary_csf_stdv": 113.11178228683427,
  "summary_gm_k": 0.23837423649706357,
  "summary_gm_mad": 72.61309903882238,
  "summary_gm_mean": 619.5042094031595,
  "summary_gm_median": 621.9005794152617,
  "summary_gm_n": 24115.0,
  "summary_gm_p05": 489.86535861119626,
  "summary_gm_p95": 739.628946892172,
  "summary_gm_stdv": 75.71474191997855,
  "summary_wm_k": 1.5874582091671403,
  "summary_wm_mad": 52.43982097129398,
  "summary_wm_mean": 998.4380081124343,
  "summary_wm_median": 999.9999625012279,
  "summary_wm_n": 154884.0,
  "summary_wm_p05": 901.2523572966456,
  "summary_wm_p95": 1089.1110141277313,
  "summary_wm_stdv": 58.692868680251586,
  "tpm_overlap_csf": 0.14350519076833043,
  "tpm_overlap_gm": 0.4609699588071707,
  "tpm_overlap_wm": 0.48867933306053474,
  "wm2max": 0.5151340497527238
}