{
  "bids_meta": {
    "AcquisitionMatrixPE": 256,
    "AcquisitionNumber": 1,
    "AcquisitionTime": "14:51:44.000000",
    "BodyPartExamined": "BRAIN",
    "CoilString": "32Ch Head",
    "ConversionSoftware": "dcm2niix",
    "ConversionSoftwareVersion": "v1.0.20211006",
    "Dcm2bidsVersion": "2.1.6",
    "DeviceSerialNumber": "000301496MR3T6MR",
    "EchoTime": 0.066361,
    "EchoTrainLength": 140,
    "FlipAngle": 90,
    "ImageOrientationPatientDICOM": [
      0,
      1,
      0,
      0,
      0,
      -1
    ],
    "ImageType": [
      "ORIGINAL",
      "PRIMARY",
      "OTHER"
    ],
    "ImagingFrequency": 127.697,
    "InPlanePhaseEncodingDirectionDICOM": "ROW",
    "InstitutionName": "NIH FMRIF",
    "MRAcquisitionType": "3D",
    "MagneticFieldStrength": 3,
    "Manufacturer": "GE",
    "ManufacturersModelName": "DISCOVERY MR750",
    "Modality": "MR",
    "ParallelReductionFactorInPlane": 2,
    "ParallelReductionOutOfPlane": 1.5,
    "PatientPosition": "HFS",
    "PercentPhaseFOV": 100,
    "PercentSampling": 100,
    "PhaseEncodingAxis": "i",
    "PixelBandwidth": 244.141,
    "ProcedureStepDescription": "MRI Brain",
    "ProtocolName": "ADNI3 FMRIF Enhanced Pro",
    "ReconMatrixPE": 256,
    "RepetitionTime": 3.202,
    "SAR": 0.4599,
    "ScanOptions": "SAT_GEMS\\EDR_GEMS\\PROMO_GEMS\\ACC_GEMS\\FS\\FR_GEMS",
    "ScanningSequence": "RM",
    "SequenceVariant": "NONE",
    "SeriesDescription": "ORIG Anat T2w CUBE (ABCD)",
    "SeriesNumber": 40004,
    "SliceThickness": 1,
    "SoftwareVersions": "27\\LX\\MR Software release:DV26.0_R01_1725.a",
    "SpacingBetweenSlices": 1,
    "StationName": "fmrif3tb",
    "acq_id": "CUBE",
    "dataset": "ds004215",
    "modality": "T2w",
    "session_id": "01",
    "subject_id": "ON08792"
  },
  "cjv": 2.0170915605406763,
  "cnr": 0.7486951800382539,
  "efc": 0.3658993762454565,
  "fber": 11790.575307809075,
  "fwhm_avg": 2.30838,
  "fwhm_x": 1.93508,
  "fwhm_y": 2.53144,
  "fwhm_z": 2.45862,
  "icvs_csf": 0.21302276798850983,
  "icvs_gm": 0.5883055583018202,
  "icvs_wm": 0.19867167370966998,
  "inu_med": 0.8383037149906158,
  "inu_range": 0.4480420678853989,
  "provenance": {
    "md5sum": "f315fb3f7407f51374e6e2b734824440",
    "settings": {
      "testing": false
    },
    "software": "mriqc",
    "version": "22.0.6",
    "warnings": {
      "large_rot_frame": true,
      "small_air_mask": false
    },
    "webapi_port": null,
    "webapi_url": "https://mriqc.nimh.nih.gov/api/v1"
  },
  "qi_1": 0.0,
  "qi_2": 0.01732656886892851,
  "rpve_csf": 25.32042328891743,
  "rpve_gm": 12.868196452317815,
  "rpve_wm": 38.42064582271409,
  "size_x": 204,
  "size_y": 256,
  "size_z": 256,
  "snr_csf": 9.070561867739046,
  "snr_gm": 11.029268715064607,
  "snr_total": 7.222915644154674,
  "snr_wm": 1.568916349660367,
  "snrd_csf": 75.08056767569744,
  "snrd_gm": 51.51885073687578,
  "snrd_total": 75.13129152760159,
  "snrd_wm": 98.79445617023153,
  "spacing_x": 1.0,
  "spacing_y": 1.0,
  "spacing_z": 1.0,
  "summary_bg_k": 113.84548384768726,
  "summary_bg_mad": 6.6392721836941355,
  "summary_bg_mean": 4.5508802992666215,
  "summary_bg_median": 4.4781210366636515,
  "summary_bg_n": 3539956.0,
  "summary_bg_p05": 0.0,
  "summary_bg_p95": 12.811578065156937,
  "summary_bg_stdv": 4.834061981735989,
  "summary_csf_k": 0.9298390068366822,
  "summary_csf_mad": 72.10865153151246,
  "summary_csf_mean": 768.6670116100169,
  "summary_csf_median": 760.8802144182846,
  "summary_csf_n": 5620.0,
  "summary_csf_p05": 646.5368801867589,
  "summary_csf_p95": 930.2673668623902,
  "summary_csf_stdv": 83.87711020895192,
  "summary_gm_k": 0.19038788461164202,
  "summary_gm_mad": 46.47490528585895,
  "summary_gm_mean": 524.3080358849178,
  "summary_gm_median": 522.1014625858516,
  "summary_gm_n": 241114.0,
  "summary_gm_p05": 450.2142745535821,
  "summary_gm_p95": 605.0504992716014,
  "summary_gm_stdv": 47.33771507313913,
  "summary_wm_k": -1.6959568250147847,
  "summary_wm_mad": 919.9129313062829,
  "summary_wm_mean": 818.2892940247714,
  "summary_wm_median": 1001.2011006474495,
  "summary_wm_n": 45706.0,
  "summary_wm_p05": 23.42858025804162,
  "summary_wm_p95": 1664.3707899958827,
  "summary_wm_stdv": 638.1411910087326,
  "tpm_overlap_csf": 0.10381637795778588,
  "tpm_overlap_gm": 0.37244146411098056,
  "tpm_overlap_wm": 0.04493768668161223,
  "wm2max": 0.6094192826326336
}