{
  "bids_meta": {
    "AcquisitionMatrixPE": 256,
    "AcquisitionNumber": 1,
    "AcquisitionTime": "14:27:12.000000",
    "BodyPartExamined": "BRAIN",
    "CoilString": "32Ch Head",
    "ConversionSoftware": "dcm2niix",
    "ConversionSoftwareVersion": "v1.0.20211006",
    "Dcm2bidsVersion": "2.1.6",
    "DeviceSerialNumber": "000301496MR3T6MR",
    "EchoTime": 0.060243,
    "EchoTrainLength": 140,
    "FlipAngle": 90,
    "ImageOrientationPatientDICOM": [
      0,
      1,
      0,
      0,
      0,
      -1
    ],
    "ImageType": [
      "ORIGINAL",
      "PRIMARY",
      "OTHER"
    ],
    "ImagingFrequency": 127.696,
    "InPlanePhaseEncodingDirectionDICOM": "ROW",
    "InstitutionName": "NIH FMRIF",
    "MRAcquisitionType": "3D",
    "MagneticFieldStrength": 3,
    "Manufacturer": "GE",
    "ManufacturersModelName": "DISCOVERY MR750",
    "Modality": "MR",
    "ParallelReductionFactorInPlane": 2,
    "ParallelReductionOutOfPlane": 1.5,
    "PatientPosition": "HFS",
    "PercentPhaseFOV": 100,
    "PercentSampling": 100,
    "PhaseEncodingAxis": "i",
    "PixelBandwidth": 244.141,
    "ProcedureStepDescription": "MRI Brain",
    "ProtocolName": "ADNI3 FMRIF Enhanced Pro",
    "ReconMatrixPE": 256,
    "RepetitionTime": 3.202,
    "SAR": 0.3873,
    "ScanOptions": "SAT_GEMS\\EDR_GEMS\\PROMO_GEMS\\ACC_GEMS\\FS\\FR_GEMS",
    "ScanningSequence": "RM",
    "SequenceVariant": "NONE",
    "SeriesDescription": "ORIG Anat T2w CUBE (ABCD)",
    "SeriesNumber": 40004,
    "SliceThickness": 1,
    "SoftwareVersions": "27\\LX\\MR Software release:DV26.0_R03_1831.b",
    "SpacingBetweenSlices": 1,
    "StationName": "FMRI3tb",
    "acq_id": "CUBE",
    "dataset": "ds004215",
    "modality": "T2w",
    "session_id": "01",
    "subject_id": "ON12688"
  },
  "cjv": 9.267018754773304,
  "cnr": 0.15259608442397893,
  "efc": 0.4391431511942481,
  "fber": 5930.711234567902,
  "fwhm_avg": 2.3867166666666666,
  "fwhm_x": 1.95314,
  "fwhm_y": 2.63461,
  "fwhm_z": 2.5724,
  "icvs_csf": 0.2083860670473411,
  "icvs_gm": 0.5890614380065882,
  "icvs_wm": 0.20255249494607067,
  "inu_med": 0.8726168572902679,
  "inu_range": 0.5491492450237274,
  "provenance": {
    "md5sum": "07a386d5b9d44a25176a2a6346a78955",
    "settings": {
      "testing": false
    },
    "software": "mriqc",
    "version": "22.0.6",
    "warnings": {
      "large_rot_frame": true,
      "small_air_mask": false
    },
    "webapi_port": null,
    "webapi_url": "https://mriqc.nimh.nih.gov/api/v1"
  },
  "qi_1": 0.0,
  "qi_2": 0.008063487419934358,
  "rpve_csf": 22.978208543389417,
  "rpve_gm": 11.211835098152429,
  "rpve_wm": 32.06365929734527,
  "size_x": 204,
  "size_y": 256,
  "size_z": 256,
  "snr_csf": 9.429845595115289,
  "snr_gm": 11.749400862983187,
  "snr_total": 7.400388567825014,
  "snr_wm": 1.0219192453765633,
  "snrd_csf": 71.11643776505394,
  "snrd_gm": 49.60949837088501,
  "snrd_total": 59.69075264288973,
  "snrd_wm": 58.346321792730244,
  "spacing_x": 1.0,
  "spacing_y": 1.0,
  "spacing_z": 1.0,
  "summary_bg_k": 77.75113779269095,
  "summary_bg_mad": 11.273678337053056,
  "summary_bg_mean": 10.23690524013597,
  "summary_bg_median": 7.603980485349894,
  "summary_bg_n": 3299185.0,
  "summary_bg_p05": 0.0,
  "summary_bg_p95": 30.62005564570427,
  "summary_bg_stdv": 12.110326164923578,
  "summary_csf_k": 1.0713017549258863,
  "summary_csf_mad": 117.23868847827993,
  "summary_csf_mean": 1235.8470774268683,
  "summary_csf_median": 1223.7815573066473,
  "summary_csf_n": 9208.0,
  "summary_csf_p05": 1045.6927619999274,
  "summary_csf_p95": 1466.5807368779556,
  "summary_csf_stdv": 129.77042848436682,
  "summary_gm_k": -0.12269615417198576,
  "summary_gm_mad": 75.13263482344755,
  "summary_gm_mean": 856.1119445420615,
  "summary_gm_median": 853.687151402235,
  "summary_gm_n": 276726.0,
  "summary_gm_p05": 741.1584469042718,
  "summary_gm_p95": 977.4942430630326,
  "summary_gm_stdv": 72.65779922558376,
  "summary_wm_k": -1.615241776943695,
  "summary_wm_mad": 1318.1124181865857,
  "summary_wm_mean": 1167.993482082275,
  "summary_wm_median": 1004.031624622643,
  "summary_wm_n": 55727.0,
  "summary_wm_p05": 56.95330350100994,
  "summary_wm_p95": 2653.9627030357715,
  "summary_wm_stdv": 982.4872372648408,
  "tpm_overlap_csf": 0.09775356599958514,
  "tpm_overlap_gm": 0.36843452844762153,
  "tpm_overlap_wm": 0.04712945964417504,
  "wm2max": 0.38013970414294157
}