{
  "bids_meta": {
    "AcquisitionMatrixPE": 256,
    "AcquisitionNumber": 1,
    "AcquisitionTime": "15:12:3.000000",
    "BodyPartExamined": "BRAIN",
    "CoilString": "32Ch Head",
    "ConversionSoftware": "dcm2niix",
    "ConversionSoftwareVersion": "v1.0.20211006",
    "Dcm2bidsVersion": "2.1.6",
    "DeviceSerialNumber": "000301496MR3T6MR",
    "EchoTime": 0.065685,
    "EchoTrainLength": 140,
    "FlipAngle": 90,
    "ImageOrientationPatientDICOM": [
      0,
      1,
      0,
      0,
      0,
      -1
    ],
    "ImageType": [
      "ORIGINAL",
      "PRIMARY",
      "OTHER"
    ],
    "ImagingFrequency": 127.697,
    "InPlanePhaseEncodingDirectionDICOM": "ROW",
    "InstitutionName": "NIH FMRIF",
    "MRAcquisitionType": "3D",
    "MagneticFieldStrength": 3,
    "Manufacturer": "GE",
    "ManufacturersModelName": "DISCOVERY MR750",
    "Modality": "MR",
    "ParallelReductionFactorInPlane": 2,
    "ParallelReductionOutOfPlane": 1.5,
    "PatientPosition": "HFS",
    "PercentPhaseFOV": 100,
    "PercentSampling": 100,
    "PhaseEncodingAxis": "i",
    "PixelBandwidth": 244.141,
    "ProcedureStepDescription": "MRI Brain",
    "ProtocolName": "ADNI3 FMRIF Enhanced Pro",
    "ReconMatrixPE": 256,
    "RepetitionTime": 3.202,
    "SAR": 0.4422,
    "ScanOptions": "SAT_GEMS\\EDR_GEMS\\PROMO_GEMS\\FILTERED_GEMS\\ACC_GEMS\\FS\\FR_GEMS",
    "ScanningSequence": "RM",
    "SequenceVariant": "NONE",
    "SeriesDescription": "Anat T2w CUBE (ABCD)",
    "SeriesNumber": 4,
    "SliceThickness": 1,
    "SoftwareVersions": "27\\LX\\MR Software release:DV26.0_R01_1725.a",
    "SpacingBetweenSlices": 1,
    "StationName": "fmrif3tb",
    "acq_id": "CUBE",
    "dataset": "ds004215",
    "modality": "T2w",
    "rec_id": "SCIC",
    "session_id": "01",
    "subject_id": "ON22299"
  },
  "cjv": 0.33141451059163246,
  "cnr": 1.6655698324315826,
  "efc": 0.41258137241799625,
  "fber": 7711.44170096022,
  "fwhm_avg": 2.4087533333333333,
  "fwhm_x": 1.99753,
  "fwhm_y": 2.67125,
  "fwhm_z": 2.55748,
  "icvs_csf": 0.24395157288414646,
  "icvs_gm": 0.22755414236761526,
  "icvs_wm": 0.5284942847482382,
  "inu_med": 0.8125922679901123,
  "inu_range": 0.14702845811843857,
  "provenance": {
    "md5sum": "553a3ed19ad9a34ee879e2b0462f3df1",
    "settings": {
      "testing": false
    },
    "software": "mriqc",
    "version": "22.0.6",
    "warnings": {
      "large_rot_frame": true,
      "small_air_mask": false
    },
    "webapi_port": null,
    "webapi_url": "https://mriqc.nimh.nih.gov/api/v1"
  },
  "qi_1": 0.0,
  "qi_2": 0.016394542204108555,
  "rpve_csf": 22.6331664989209,
  "rpve_gm": 31.24688145423515,
  "rpve_wm": 13.81556940410689,
  "size_x": 204,
  "size_y": 256,
  "size_z": 256,
  "snr_csf": 10.32450976153097,
  "snr_gm": 2.460784395632852,
  "snr_total": 8.214303652245926,
  "snr_wm": 11.857616799573956,
  "snrd_csf": 94.86581985787193,
  "snrd_gm": 209.33383209140877,
  "snrd_total": 123.84280905112723,
  "snrd_wm": 67.32877520410099,
  "spacing_x": 1.0,
  "spacing_y": 1.0,
  "spacing_z": 1.0,
  "summary_bg_k": 158.19398759471264,
  "summary_bg_mad": 0.0,
  "summary_bg_mean": 5.403144487725506,
  "summary_bg_median": 0.0,
  "summary_bg_n": 3540522.0,
  "summary_bg_p05": 0.0,
  "summary_bg_p95": 22.965213775634766,
  "summary_bg_stdv": 9.731502323467577,
  "summary_csf_k": 0.45605599356448234,
  "summary_csf_mad": 131.06083053729947,
  "summary_csf_mean": 1410.8067399139713,
  "summary_csf_median": 1409.152271747589,
  "summary_csf_n": 7056.0,
  "summary_csf_p05": 1195.851591348648,
  "summary_csf_p95": 1635.567890405655,
  "summary_csf_stdv": 136.47644739171756,
  "summary_gm_k": -0.6966714173015172,
  "summary_gm_mad": 615.3725338312934,
  "summary_gm_mean": 2476.7738529053395,
  "summary_gm_median": 3109.478687763214,
  "summary_gm_n": 71685.0,
  "summary_gm_p05": 86.79499912261963,
  "summary_gm_p95": 3571.0344548225403,
  "summary_gm_stdv": 1263.6039974557636,
  "summary_wm_k": 0.10009750596914602,
  "summary_wm_mad": 83.70201402668664,
  "summary_wm_mean": 1001.8697191299701,
  "summary_wm_median": 1000.1125450134277,
  "summary_wm_n": 223866.0,
  "summary_wm_p05": 864.9104776382446,
  "summary_wm_p95": 1140.6056175231934,
  "summary_wm_stdv": 84.34328146921936,
  "tpm_overlap_csf": 0.10654612265238286,
  "tpm_overlap_gm": 0.14503527037310154,
  "tpm_overlap_wm": 0.43613742622026547,
  "wm2max": 0.28098807603504444
}