{
  "bids_meta": {
    "AcquisitionMatrixPE": 256,
    "AcquisitionNumber": 1,
    "AcquisitionTime": "15:12:3.000000",
    "BodyPartExamined": "BRAIN",
    "CoilString": "32Ch Head",
    "ConversionSoftware": "dcm2niix",
    "ConversionSoftwareVersion": "v1.0.20211006",
    "Dcm2bidsVersion": "2.1.6",
    "DeviceSerialNumber": "000301496MR3T6MR",
    "EchoTime": 0.065685,
    "EchoTrainLength": 140,
    "FlipAngle": 90,
    "ImageOrientationPatientDICOM": [
      0,
      1,
      0,
      0,
      0,
      -1
    ],
    "ImageType": [
      "ORIGINAL",
      "PRIMARY",
      "OTHER"
    ],
    "ImagingFrequency": 127.697,
    "InPlanePhaseEncodingDirectionDICOM": "ROW",
    "InstitutionName": "NIH FMRIF",
    "MRAcquisitionType": "3D",
    "MagneticFieldStrength": 3,
    "Manufacturer": "GE",
    "ManufacturersModelName": "DISCOVERY MR750",
    "Modality": "MR",
    "ParallelReductionFactorInPlane": 2,
    "ParallelReductionOutOfPlane": 1.5,
    "PatientPosition": "HFS",
    "PercentPhaseFOV": 100,
    "PercentSampling": 100,
    "PhaseEncodingAxis": "i",
    "PixelBandwidth": 244.141,
    "ProcedureStepDescription": "MRI Brain",
    "ProtocolName": "ADNI3 FMRIF Enhanced Pro",
    "ReconMatrixPE": 256,
    "RepetitionTime": 3.202,
    "SAR": 0.4422,
    "ScanOptions": "SAT_GEMS\\EDR_GEMS\\PROMO_GEMS\\ACC_GEMS\\FS\\FR_GEMS",
    "ScanningSequence": "RM",
    "SequenceVariant": "NONE",
    "SeriesDescription": "ORIG Anat T2w CUBE (ABCD)",
    "SeriesNumber": 40004,
    "SliceThickness": 1,
    "SoftwareVersions": "27\\LX\\MR Software release:DV26.0_R01_1725.a",
    "SpacingBetweenSlices": 1,
    "StationName": "fmrif3tb",
    "acq_id": "CUBE",
    "dataset": "ds004215",
    "modality": "T2w",
    "session_id": "01",
    "subject_id": "ON22299"
  },
  "cjv": 0.3941875661104161,
  "cnr": 1.5513765854196886,
  "efc": 0.37181830297823804,
  "fber": 8601.4031640625,
  "fwhm_avg": 2.47435,
  "fwhm_x": 2.0706,
  "fwhm_y": 2.6581,
  "fwhm_z": 2.69435,
  "icvs_csf": 0.20783774216403678,
  "icvs_gm": 0.22095149070353826,
  "icvs_wm": 0.571210767132425,
  "inu_med": 0.7921919226646423,
  "inu_range": 0.5976372718811036,
  "provenance": {
    "md5sum": "03ee9600d8fb7360a784233de431d217",
    "settings": {
      "testing": false
    },
    "software": "mriqc",
    "version": "22.0.6",
    "warnings": {
      "large_rot_frame": true,
      "small_air_mask": false
    },
    "webapi_port": null,
    "webapi_url": "https://mriqc.nimh.nih.gov/api/v1"
  },
  "qi_1": 1.2785460520415731e-06,
  "qi_2": 0.01858606039510041,
  "rpve_csf": 25.566942968008703,
  "rpve_gm": 32.84221312989735,
  "rpve_wm": 13.017570102637135,
  "size_x": 204,
  "size_y": 256,
  "size_z": 256,
  "snr_csf": 9.410852769282988,
  "snr_gm": 2.387216790122486,
  "snr_total": 7.723277049509389,
  "snr_wm": 11.371761589122695,
  "snrd_csf": 69.41576868695113,
  "snrd_gm": 137.85197902838217,
  "snrd_total": 85.09694245372084,
  "snrd_wm": 48.02307964582922,
  "spacing_x": 1.0,
  "spacing_y": 1.0,
  "spacing_z": 1.0,
  "summary_bg_k": 89.9809540720216,
  "summary_bg_mad": 13.643870967715937,
  "summary_bg_mean": 9.338069688987355,
  "summary_bg_median": 9.202651120722294,
  "summary_bg_n": 5207118.0,
  "summary_bg_p05": 0.0,
  "summary_bg_p95": 30.89001774787903,
  "summary_bg_stdv": 12.2934232176516,
  "summary_csf_k": 0.3843975461158302,
  "summary_csf_mad": 143.21293931847288,
  "summary_csf_mean": 1453.2814575834561,
  "summary_csf_median": 1445.6528306007385,
  "summary_csf_n": 4765.0,
  "summary_csf_p05": 1215.1618148386478,
  "summary_csf_p95": 1731.0508529096842,
  "summary_csf_stdv": 153.59937756264844,
  "summary_gm_k": -0.778417452548871,
  "summary_gm_mad": 648.7994586046739,
  "summary_gm_mean": 2303.214589126409,
  "summary_gm_median": 2870.9053786471486,
  "summary_gm_n": 69638.0,
  "summary_gm_p05": 81.92290123552084,
  "summary_gm_p95": 3425.05942620337,
  "summary_gm_stdv": 1202.6074788791411,
  "summary_wm_k": 0.0262861221867432,
  "summary_wm_mad": 88.63745544760913,
  "summary_wm_mean": 1001.8739991938214,
  "summary_wm_median": 1000.128678791225,
  "summary_wm_n": 277323.0,
  "summary_wm_p05": 860.2869942784309,
  "summary_wm_p95": 1146.663200482726,
  "summary_wm_stdv": 87.94828028776521,
  "tpm_overlap_csf": 0.11161644538542179,
  "tpm_overlap_gm": 0.13432298180452454,
  "tpm_overlap_wm": 0.4323854627668994,
  "wm2max": 0.2922504090114147
}