{
  "aor": 0.002185829145728643,
  "aqi": 0.003525860753768844,
  "bids_meta": {
    "AcquisitionMatrixPE": 64,
    "AcquisitionNumber": 1,
    "AcquisitionTime": "15:06:20.000000",
    "BodyPartExamined": "BRAIN",
    "CoilString": "32Ch Head",
    "ConversionSoftware": "dcm2niix",
    "ConversionSoftwareVersion": "v1.0.20211006",
    "Dcm2bidsVersion": "2.1.6",
    "DeviceSerialNumber": "000301496MR3T6MR",
    "EchoTime": 0.0169,
    "EffectiveEchoSpacing": 0.000416,
    "FlipAngle": 90,
    "ImageOrientationPatientDICOM": [
      1,
      0,
      0,
      0,
      1,
      0
    ],
    "ImageType": [
      "ORIGINAL",
      "PRIMARY",
      "OTHER"
    ],
    "ImagingFrequency": 127.697,
    "InPlanePhaseEncodingDirectionDICOM": "COL",
    "InstitutionName": "NIH FMRIF",
    "InternalPulseSequenceName": "EPI",
    "MRAcquisitionType": "2D",
    "MagneticFieldStrength": 3,
    "Manufacturer": "GE",
    "ManufacturersModelName": "DISCOVERY MR750",
    "Modality": "MR",
    "PatientPosition": "HFS",
    "PercentPhaseFOV": 100,
    "PercentSampling": 100,
    "PhaseEncodingDirection": "j",
    "PhaseEncodingPolarityGE": "Flipped",
    "PixelBandwidth": 7812.5,
    "ProcedureStepDescription": "MRI Brain",
    "ProtocolName": "ADNI3 FMRIF Enhanced Pro",
    "PulseSequenceName": "epi",
    "ReconMatrixPE": 64,
    "RepetitionTime": 3,
    "SAR": 0.182932,
    "ScanOptions": "MP_GEMS\\EPI_GEMS\\PFF",
    "ScanningSequence": "EP\\GR",
    "SequenceVariant": "SS",
    "SeriesDescription": "Axial rsfMRI with Eyes Open - RKV",
    "SeriesNumber": 10,
    "SliceThickness": 3.4,
    "SliceTiming": [
      0,
      1.5,
      0.0625,
      1.5625,
      0.125,
      1.625,
      0.1875,
      1.6875,
      0.25,
      1.75,
      0.3125,
      1.8125,
      0.375,
      1.875,
      0.4375,
      1.9375,
      0.5,
      2,
      0.5625,
      2.0625,
      0.625,
      2.125,
      0.6875,
      2.1875,
      0.75,
      2.25,
      0.8125,
      2.3125,
      0.875,
      2.375,
      0.9375,
      2.4375,
      1,
      2.5,
      1.0625,
      2.5625,
      1.125,
      2.625,
      1.1875,
      2.6875,
      1.25,
      2.75,
      1.3125,
      2.8125,
      1.375,
      2.875,
      1.4375,
      2.9375
    ],
    "SoftwareVersions": "27\\LX\\MR Software release:DV26.0_R03_1831.b",
    "SpacingBetweenSlices": 3.4,
    "StationName": "FMRI3tb",
    "TaskName": "Resting state with eyes open.",
    "TotalReadoutTime": 0.026208,
    "TriggerDelayTime": 599938,
    "dataset": "ds004215",
    "modality": "bold",
    "session_id": "01",
    "subject_id": "ON03748",
    "task_id": "rest"
  },
  "dummy_trs": 1,
  "dvars_nstd": 16.75994222328282,
  "dvars_std": 1.3352513220707072,
  "dvars_vstd": 0.9723820202525256,
  "efc": 0.4986416090102847,
  "fber": 3958.5166015625,
  "fd_mean": 0.15479894616038675,
  "fd_num": 44,
  "fd_perc": 22.110552763819097,
  "fwhm_avg": 2.7487657169489097,
  "fwhm_x": 2.618152727272727,
  "fwhm_y": 2.5206458181818183,
  "fwhm_z": 3.1074986053921845,
  "gcor": 0.0838493,
  "gsr_x": 0.0020365407690405846,
  "gsr_y": 0.0496625155210495,
  "provenance": {
    "md5sum": "89d3757a211d70ed177ebb7fa17fae8a",
    "settings": {
      "fd_thres": 0.2,
      "testing": false
    },
    "software": "mriqc",
    "version": "22.0.6",
    "webapi_port": null,
    "webapi_url": "https://mriqc.nimh.nih.gov/api/v1"
  },
  "size_t": 199,
  "size_x": 64,
  "size_y": 64,
  "size_z": 48,
  "snr": 3.770844498194075,
  "spacing_tr": 3.0,
  "spacing_x": 3.4375,
  "spacing_y": 3.4375,
  "spacing_z": 3.4000015258789062,
  "summary_bg_k": 13.711107601253122,
  "summary_bg_mad": 18.96836563782362,
  "summary_bg_mean": 186.17466735839844,
  "summary_bg_median": 40.59798812866211,
  "summary_bg_n": 128801.0,
  "summary_bg_p05": 22.492462158203125,
  "summary_bg_p95": 995.939697265625,
  "summary_bg_stdv": 355.529296875,
  "summary_fg_k": 2.6665952157017774,
  "summary_fg_mad": 571.7071246687199,
  "summary_fg_mean": 2616.094482421875,
  "summary_fg_median": 2506.404541015625,
  "summary_fg_n": 30172.0,
  "summary_fg_p05": 1728.0110778808594,
  "summary_fg_p95": 3813.591870117187,
  "summary_fg_stdv": 664.6688842773438,
  "tsnr": 92.91010015457869
}