{
  "aor": 0.04014375,
  "aqi": 0.0013963292499999998,
  "bids_meta": {
    "AcquisitionMatrixPE": 64,
    "AcquisitionNumber": 1,
    "AcquisitionTime": "15:18:24.000000",
    "BodyPartExamined": "BRAIN",
    "CoilString": "32Ch Head",
    "ConversionSoftware": "dcm2niix",
    "ConversionSoftwareVersion": "v1.0.20211006",
    "Dcm2bidsVersion": "2.1.6",
    "DeviceSerialNumber": "000301496MR3T6MR",
    "EchoTime": 0.0169,
    "EffectiveEchoSpacing": 0.000416,
    "FlipAngle": 90,
    "ImageOrientationPatientDICOM": [
      1,
      0,
      0,
      0,
      1,
      0
    ],
    "ImageType": [
      "ORIGINAL",
      "PRIMARY",
      "OTHER"
    ],
    "ImagingFrequency": 127.697,
    "InPlanePhaseEncodingDirectionDICOM": "COL",
    "InstitutionName": "NIH FMRIF",
    "InternalPulseSequenceName": "EPI",
    "MRAcquisitionType": "2D",
    "MagneticFieldStrength": 3,
    "Manufacturer": "GE",
    "ManufacturersModelName": "DISCOVERY MR750",
    "Modality": "MR",
    "PatientPosition": "HFS",
    "PercentPhaseFOV": 100,
    "PercentSampling": 100,
    "PhaseEncodingDirection": "j-",
    "PhaseEncodingPolarityGE": "Unflipped",
    "PixelBandwidth": 7812.5,
    "ProcedureStepDescription": "MRI Brain",
    "ProtocolName": "ADNI3 FMRIF Enhanced Pro",
    "PulseSequenceName": "epi",
    "ReconMatrixPE": 64,
    "RepetitionTime": 3,
    "SAR": 0.182932,
    "ScanOptions": "MP_GEMS\\EPI_GEMS\\PFF",
    "ScanningSequence": "EP\\GR",
    "SequenceVariant": "SS",
    "SeriesDescription": "Axial rsfMRI reverse blip - RKV",
    "SeriesNumber": 11,
    "SliceThickness": 3.4,
    "SliceTiming": [
      0,
      1.5,
      0.0625,
      1.5625,
      0.125,
      1.625,
      0.1875,
      1.6875,
      0.25,
      1.75,
      0.3125,
      1.8125,
      0.375,
      1.875,
      0.4375,
      1.9375,
      0.5,
      2,
      0.5625,
      2.0625,
      0.625,
      2.125,
      0.6875,
      2.1875,
      0.75,
      2.25,
      0.8125,
      2.3125,
      0.875,
      2.375,
      0.9375,
      2.4375,
      1,
      2.5,
      1.0625,
      2.5625,
      1.125,
      2.625,
      1.1875,
      2.6875,
      1.25,
      2.75,
      1.3125,
      2.8125,
      1.375,
      2.875,
      1.4375,
      2.9375
    ],
    "SoftwareVersions": "27\\LX\\MR Software release:DV26.0_R03_1831.b",
    "SpacingBetweenSlices": 3.4,
    "StationName": "FMRI3tb",
    "TaskName": "Resting state with reverse blip.",
    "TotalReadoutTime": 0.026208,
    "TriggerDelayTime": 29938,
    "dataset": "ds004215",
    "modality": "bold",
    "session_id": "01",
    "subject_id": "ON03748",
    "task_id": "rest"
  },
  "dummy_trs": 2,
  "dvars_nstd": 15.271381241428571,
  "dvars_std": 1.3712018528571428,
  "dvars_vstd": 1.1597016199999999,
  "efc": 0.49442906279781723,
  "fber": 4432.45263671875,
  "fd_mean": 0.11190208931728803,
  "fd_num": 1,
  "fd_perc": 12.5,
  "fwhm_avg": 2.6716760227616967,
  "fwhm_x": 2.630272,
  "fwhm_y": 2.5580014545454546,
  "fwhm_z": 2.8267546137396358,
  "gcor": 0.0262558,
  "gsr_x": 0.003971340134739876,
  "gsr_y": 0.04010208696126938,
  "provenance": {
    "md5sum": "cdc121a54b99f6aaba02f142ea1d2b6d",
    "settings": {
      "fd_thres": 0.2,
      "testing": false
    },
    "software": "mriqc",
    "version": "22.0.6",
    "webapi_port": null,
    "webapi_url": "https://mriqc.nimh.nih.gov/api/v1"
  },
  "size_t": 8,
  "size_x": 64,
  "size_y": 64,
  "size_z": 48,
  "snr": 4.056164679399768,
  "spacing_tr": 3.0,
  "spacing_x": 3.4375,
  "spacing_y": 3.4375,
  "spacing_z": 3.4000015258789062,
  "summary_bg_k": 11.236110035556516,
  "summary_bg_mad": 15.01134746236922,
  "summary_bg_mean": 179.63519287109375,
  "summary_bg_median": 38.75,
  "summary_bg_n": 129323.0,
  "summary_bg_p05": 25.125,
  "summary_bg_p95": 994.0,
  "summary_bg_stdv": 348.2919006347656,
  "summary_fg_k": 0.7300687906054568,
  "summary_fg_mad": 572.0991310658492,
  "summary_fg_mean": 2658.78466796875,
  "summary_fg_median": 2557.125,
  "summary_fg_n": 29782.0,
  "summary_fg_p05": 1764.375,
  "summary_fg_p95": 3827.625,
  "summary_fg_stdv": 630.418701171875,
  "tsnr": 183.36097345873713
}