{
  "bids_meta": {
    "AcquisitionMatrixPE": 256,
    "AcquisitionNumber": 1,
    "AcquisitionTime": "15:15:45.000000",
    "BodyPartExamined": "BRAIN",
    "CoilString": "32Ch Head",
    "ConversionSoftware": "dcm2niix",
    "ConversionSoftwareVersion": "v1.0.20211006",
    "Dcm2bidsVersion": "2.1.6",
    "DeviceSerialNumber": "000301496MR3T6MR",
    "EchoTime": 0.067032,
    "EchoTrainLength": 140,
    "FlipAngle": 90,
    "ImageOrientationPatientDICOM": [
      0,
      1,
      0,
      0,
      0,
      -1
    ],
    "ImageType": [
      "ORIGINAL",
      "PRIMARY",
      "OTHER"
    ],
    "ImagingFrequency": 127.696,
    "InPlanePhaseEncodingDirectionDICOM": "ROW",
    "InstitutionName": "NIH FMRIF",
    "MRAcquisitionType": "3D",
    "MagneticFieldStrength": 3,
    "Manufacturer": "GE",
    "ManufacturersModelName": "DISCOVERY MR750",
    "Modality": "MR",
    "ParallelReductionFactorInPlane": 2,
    "ParallelReductionOutOfPlane": 1.5,
    "PatientPosition": "HFS",
    "PercentPhaseFOV": 100,
    "PercentSampling": 100,
    "PhaseEncodingAxis": "i",
    "PixelBandwidth": 244.141,
    "ProcedureStepDescription": "MRI Brain",
    "ProtocolName": "ADNI3 FMRIF Enhanced Pro",
    "ReconMatrixPE": 256,
    "RepetitionTime": 3.202,
    "SAR": 0.4187,
    "ScanOptions": "SAT_GEMS\\EDR_GEMS\\PROMO_GEMS\\FILTERED_GEMS\\ACC_GEMS\\FS\\FR_GEMS",
    "ScanningSequence": "RM",
    "SequenceVariant": "NONE",
    "SeriesDescription": "Anat T2w CUBE (ABCD)",
    "SeriesNumber": 4,
    "SliceThickness": 1,
    "SoftwareVersions": "27\\LX\\MR Software release:DV26.0_R03_1831.b",
    "SpacingBetweenSlices": 1,
    "StationName": "FMRI3tb",
    "acq_id": "CUBE",
    "dataset": "ds004215",
    "modality": "T2w",
    "rec_id": "SCIC",
    "session_id": "01",
    "subject_id": "ON81734"
  },
  "cjv": 0.37949525595252254,
  "cnr": 1.581189100297256,
  "efc": 0.4553320977538857,
  "fber": 5706.059171597633,
  "fwhm_avg": 2.49448,
  "fwhm_x": 2.05761,
  "fwhm_y": 2.85824,
  "fwhm_z": 2.56759,
  "icvs_csf": 0.3195349841978635,
  "icvs_gm": 0.21733965181058756,
  "icvs_wm": 0.4631253639915489,
  "inu_med": 0.8053141236305237,
  "inu_range": 0.14993714988231654,
  "provenance": {
    "md5sum": "1b4bd53bb01c5fb47f7b00c18e8ab2c9",
    "settings": {
      "testing": false
    },
    "software": "mriqc",
    "version": "22.0.6",
    "warnings": {
      "large_rot_frame": true,
      "small_air_mask": false
    },
    "webapi_port": null,
    "webapi_url": "https://mriqc.nimh.nih.gov/api/v1"
  },
  "qi_1": 0.0,
  "qi_2": 0.009697376193957283,
  "rpve_csf": 16.458247502975244,
  "rpve_gm": 29.577223757059325,
  "rpve_wm": 13.166897359348829,
  "size_x": 204,
  "size_y": 256,
  "size_z": 256,
  "snr_csf": 11.804949936310948,
  "snr_gm": 2.337191151400454,
  "snr_total": 8.677636206137665,
  "snr_wm": 11.890767530701591,
  "snrd_csf": 52.912116120078586,
  "snrd_gm": 116.57448165389958,
  "snrd_total": 69.01108142094353,
  "snrd_wm": 37.546646488852424,
  "spacing_x": 1.0,
  "spacing_y": 1.0,
  "spacing_z": 1.0,
  "summary_bg_k": 2.77334917570351,
  "summary_bg_mad": 17.448599170763675,
  "summary_bg_mean": 12.104358047314802,
  "summary_bg_median": 11.76890129595995,
  "summary_bg_n": 3072249.0,
  "summary_bg_p05": 0.0,
  "summary_bg_p95": 36.31716511026025,
  "summary_bg_stdv": 13.023327788879179,
  "summary_csf_k": 0.2838148737293684,
  "summary_csf_mad": 117.11711261588346,
  "summary_csf_mean": 1412.5582733863369,
  "summary_csf_median": 1409.2367718480527,
  "summary_csf_n": 20696.0,
  "summary_csf_p05": 1223.3713458254933,
  "summary_csf_p95": 1612.339477546513,
  "summary_csf_stdv": 119.37388408464896,
  "summary_gm_k": -1.0493715465703792,
  "summary_gm_mad": 715.8331871924916,
  "summary_gm_mean": 2419.128683494909,
  "summary_gm_median": 3104.7907030023634,
  "summary_gm_n": 93758.0,
  "summary_gm_p05": 105.1384901886806,
  "summary_gm_p95": 3643.4854123219848,
  "summary_gm_stdv": 1328.4211450257185,
  "summary_wm_k": 0.17618936708044908,
  "summary_wm_mad": 82.92490818024555,
  "summary_wm_mean": 1000.1922483427799,
  "summary_wm_median": 999.9999767839909,
  "summary_wm_n": 184997.0,
  "summary_wm_p05": 861.8045448996127,
  "summary_wm_p95": 1138.0170919820666,
  "summary_wm_stdv": 84.0986312659724,
  "tpm_overlap_csf": 0.09855800527612024,
  "tpm_overlap_gm": 0.12236550042692733,
  "tpm_overlap_wm": 0.44702301530484845,
  "wm2max": 0.2744938082263301
}