{
  "bids_meta": {
    "AcquisitionMatrixPE": 256,
    "AcquisitionNumber": 1,
    "AcquisitionTime": "15:15:45.000000",
    "BodyPartExamined": "BRAIN",
    "CoilString": "32Ch Head",
    "ConversionSoftware": "dcm2niix",
    "ConversionSoftwareVersion": "v1.0.20211006",
    "Dcm2bidsVersion": "2.1.6",
    "DeviceSerialNumber": "000301496MR3T6MR",
    "EchoTime": 0.067032,
    "EchoTrainLength": 140,
    "FlipAngle": 90,
    "ImageOrientationPatientDICOM": [
      0,
      1,
      0,
      0,
      0,
      -1
    ],
    "ImageType": [
      "ORIGINAL",
      "PRIMARY",
      "OTHER"
    ],
    "ImagingFrequency": 127.696,
    "InPlanePhaseEncodingDirectionDICOM": "ROW",
    "InstitutionName": "NIH FMRIF",
    "MRAcquisitionType": "3D",
    "MagneticFieldStrength": 3,
    "Manufacturer": "GE",
    "ManufacturersModelName": "DISCOVERY MR750",
    "Modality": "MR",
    "ParallelReductionFactorInPlane": 2,
    "ParallelReductionOutOfPlane": 1.5,
    "PatientPosition": "HFS",
    "PercentPhaseFOV": 100,
    "PercentSampling": 100,
    "PhaseEncodingAxis": "i",
    "PixelBandwidth": 244.141,
    "ProcedureStepDescription": "MRI Brain",
    "ProtocolName": "ADNI3 FMRIF Enhanced Pro",
    "ReconMatrixPE": 256,
    "RepetitionTime": 3.202,
    "SAR": 0.4187,
    "ScanOptions": "SAT_GEMS\\EDR_GEMS\\PROMO_GEMS\\ACC_GEMS\\FS\\FR_GEMS",
    "ScanningSequence": "RM",
    "SequenceVariant": "NONE",
    "SeriesDescription": "ORIG Anat T2w CUBE (ABCD)",
    "SeriesNumber": 40004,
    "SliceThickness": 1,
    "SoftwareVersions": "27\\LX\\MR Software release:DV26.0_R03_1831.b",
    "SpacingBetweenSlices": 1,
    "StationName": "FMRI3tb",
    "acq_id": "CUBE",
    "dataset": "ds004215",
    "modality": "T2w",
    "session_id": "01",
    "subject_id": "ON81734"
  },
  "cjv": 0.6011229242462475,
  "cnr": 1.3920655130205377,
  "efc": 0.4213193879782678,
  "fber": 5874.96981040937,
  "fwhm_avg": 2.5189966666666668,
  "fwhm_x": 2.10688,
  "fwhm_y": 2.79051,
  "fwhm_z": 2.6596,
  "icvs_csf": 0.32158160994015333,
  "icvs_gm": 0.21902318227354695,
  "icvs_wm": 0.4593952077862997,
  "inu_med": 0.8967052400112152,
  "inu_range": 0.5415784090757367,
  "provenance": {
    "md5sum": "d11dd47c2d9c2a653d4728c40b292157",
    "settings": {
      "testing": false
    },
    "software": "mriqc",
    "version": "22.0.6",
    "warnings": {
      "large_rot_frame": true,
      "small_air_mask": false
    },
    "webapi_port": null,
    "webapi_url": "https://mriqc.nimh.nih.gov/api/v1"
  },
  "qi_1": 0.0,
  "qi_2": 0.015803407166497137,
  "rpve_csf": 16.544025905399213,
  "rpve_gm": 29.31798164572555,
  "rpve_wm": 13.407244937260547,
  "size_x": 204,
  "size_y": 256,
  "size_z": 256,
  "snr_csf": 11.39625007529526,
  "snr_gm": 2.166032068422263,
  "snr_total": 8.471194008828531,
  "snr_wm": 11.851299882768073,
  "snrd_csf": 52.725351355193794,
  "snrd_gm": 103.45966108390631,
  "snrd_total": 64.33505085205685,
  "snrd_wm": 36.82014011707048,
  "spacing_x": 1.0,
  "spacing_y": 1.0,
  "spacing_z": 1.0,
  "summary_bg_k": -0.026792055642944845,
  "summary_bg_mad": 17.792882366170836,
  "summary_bg_mean": 18.595157603414144,
  "summary_bg_median": 12.001116782426834,
  "summary_bg_n": 3778217.0,
  "summary_bg_p05": 0.0,
  "summary_bg_p95": 53.7957037165761,
  "summary_bg_stdv": 20.034291862592912,
  "summary_csf_k": 0.3612980739417728,
  "summary_csf_mad": 122.17089578167301,
  "summary_csf_mean": 1436.6596495012739,
  "summary_csf_median": 1431.9704635217786,
  "summary_csf_n": 25096.0,
  "summary_csf_p05": 1237.7896030247211,
  "summary_csf_p95": 1647.781243801117,
  "summary_csf_stdv": 125.65027302157002,
  "summary_gm_k": -1.0843014144354377,
  "summary_gm_mad": 1005.1944066981512,
  "summary_gm_mean": 2313.643300740509,
  "summary_gm_median": 2809.866127587855,
  "summary_gm_n": 93301.0,
  "summary_gm_p05": 106.75412021577358,
  "summary_gm_p95": 3762.6292070299387,
  "summary_gm_stdv": 1297.2342886517836,
  "summary_wm_k": 0.21358099458413582,
  "summary_wm_mad": 82.75759240079458,
  "summary_wm_mean": 999.8539350842708,
  "summary_wm_median": 1000.0000332891941,
  "summary_wm_n": 193919.0,
  "summary_wm_p05": 861.5685466825962,
  "summary_wm_p95": 1137.8733284175396,
  "summary_wm_stdv": 84.37871497485754,
  "tpm_overlap_csf": 0.09761647386516395,
  "tpm_overlap_gm": 0.12600356128876586,
  "tpm_overlap_wm": 0.46262257100379145,
  "wm2max": 0.26166019835730453
}