{
  "bids_meta": {
    "AcquisitionMatrixPE": 256,
    "AcquisitionNumber": 1,
    "AcquisitionTime": "15:11:29.000000",
    "BodyPartExamined": "BRAIN",
    "CoilString": "32Ch Head",
    "ConversionSoftware": "dcm2niix",
    "ConversionSoftwareVersion": "v1.0.20211006",
    "Dcm2bidsVersion": "2.1.6",
    "DeviceSerialNumber": "000301496MR3T6MR",
    "EchoTime": 0.00292,
    "FlipAngle": 8,
    "ImageOrientationPatientDICOM": [
      0,
      1,
      0,
      0,
      0,
      -1
    ],
    "ImageType": [
      "ORIGINAL",
      "PRIMARY",
      "OTHER"
    ],
    "ImagingFrequency": 127.696,
    "InPlanePhaseEncodingDirectionDICOM": "ROW",
    "InstitutionName": "NIH FMRIF",
    "InversionTime": 1.06,
    "MRAcquisitionType": "3D",
    "MagneticFieldStrength": 3,
    "Manufacturer": "GE",
    "ManufacturersModelName": "DISCOVERY MR750",
    "Modality": "MR",
    "ParallelReductionFactorInPlane": 2,
    "ParallelReductionOutOfPlane": 2,
    "PatientPosition": "HFS",
    "PercentPhaseFOV": 100,
    "PercentSampling": 100,
    "PixelBandwidth": 244.141,
    "ProcedureStepDescription": "MRI BRAIN",
    "ProtocolName": "ADNI3 FMRIF Enhanced Pro",
    "ReconMatrixPE": 256,
    "RepetitionTime": 0.006952,
    "SAR": 0.104446,
    "ScanOptions": "EDR_GEMS\\PROMO_GEMS\\ACC_GEMS\\IR_GEMS",
    "ScanningSequence": "RM",
    "SequenceVariant": "NONE",
    "SeriesDescription": "ORIG Anat T1w MP-RAGE 1mm (ABCD)",
    "SeriesNumber": 40003,
    "SliceThickness": 1,
    "SoftwareVersions": "27\\LX\\MR Software release:DV26.0_R03_1831.b",
    "SpacingBetweenSlices": 1,
    "StationName": "FMRI3tb",
    "acq_id": "MPRAGE",
    "dataset": "ds004215",
    "modality": "T1w",
    "session_id": "01",
    "subject_id": "ON66199"
  },
  "cjv": 0.38460445785939434,
  "cnr": 3.514968710865862,
  "efc": 0.44183503749088926,
  "fber": 5863.484744550122,
  "fwhm_avg": 3.73495,
  "fwhm_x": 3.6363,
  "fwhm_y": 3.86777,
  "fwhm_z": 3.70078,
  "icvs_csf": 0.2494608186261714,
  "icvs_gm": 0.40892527844672105,
  "icvs_wm": 0.3416139029271075,
  "inu_med": 0.905771017074585,
  "inu_range": 0.564440351724624,
  "provenance": {
    "md5sum": "c82a8e70e467b16a6853bbf9e05eedb4",
    "settings": {
      "testing": false
    },
    "software": "mriqc",
    "version": "22.0.6",
    "warnings": {
      "large_rot_frame": true,
      "small_air_mask": false
    },
    "webapi_port": null,
    "webapi_url": "https://mriqc.nimh.nih.gov/api/v1"
  },
  "qi_1": 0.0,
  "qi_2": 0.001570291796894296,
  "rpve_csf": 24.974601934160397,
  "rpve_gm": 14.887843910243307,
  "rpve_wm": 20.583756653530454,
  "size_x": 208,
  "size_y": 256,
  "size_z": 256,
  "snr_csf": 1.1930266854575557,
  "snr_gm": 8.368829099677498,
  "snr_total": 8.795747513094563,
  "snr_wm": 16.825386754148635,
  "snrd_csf": 5.298520788951601,
  "snrd_gm": 32.501802579729635,
  "snrd_total": 29.203632900826758,
  "snrd_wm": 49.81057533379904,
  "spacing_x": 1.0,
  "spacing_y": 1.0,
  "spacing_z": 1.0,
  "summary_bg_k": 1.4228830940472914,
  "summary_bg_mad": 13.152556288616093,
  "summary_bg_mean": 13.566593877858134,
  "summary_bg_median": 8.871264405548573,
  "summary_bg_n": 4366463.0,
  "summary_bg_p05": 0.0,
  "summary_bg_p95": 37.40648355334997,
  "summary_bg_stdv": 12.734390781662713,
  "summary_csf_k": 4.966504781761815,
  "summary_csf_mad": 56.73176353062057,
  "summary_csf_mean": 127.96759685242219,
  "summary_csf_median": 106.37341006100178,
  "summary_csf_n": 52835.0,
  "summary_csf_p05": 35.23976920545101,
  "summary_csf_p95": 322.2680981978774,
  "summary_csf_stdv": 89.16179721392776,
  "summary_gm_k": 0.10631250830300987,
  "summary_gm_mad": 78.18800743002194,
  "summary_gm_mean": 651.5459859795261,
  "summary_gm_median": 652.5080699399114,
  "summary_gm_n": 22379.0,
  "summary_gm_p05": 522.1781578436494,
  "summary_gm_p95": 775.9821707881986,
  "summary_gm_stdv": 77.96711862863808,
  "summary_wm_k": 0.8910656964073267,
  "summary_wm_mad": 55.45893550268998,
  "summary_wm_mean": 1000.2412827241728,
  "summary_wm_median": 999.9999936595559,
  "summary_wm_n": 199922.0,
  "summary_wm_p05": 904.092222712934,
  "summary_wm_p95": 1096.4801042452455,
  "summary_wm_stdv": 59.433848819819524,
  "tpm_overlap_csf": 0.15395247619676722,
  "tpm_overlap_gm": 0.45616040112575507,
  "tpm_overlap_wm": 0.510933156175882,
  "wm2max": 0.4637156398104265
}