{
  "bids_meta": {
    "AcquisitionMatrixPE": 256,
    "AcquisitionNumber": 1,
    "AcquisitionTime": "15:17:59.000000",
    "BodyPartExamined": "BRAIN",
    "CoilString": "32Ch Head",
    "ConversionSoftware": "dcm2niix",
    "ConversionSoftwareVersion": "v1.0.20211006",
    "Dcm2bidsVersion": "2.1.6",
    "DeviceSerialNumber": "000301496MR3T6MR",
    "EchoTime": 0.065956,
    "EchoTrainLength": 140,
    "FlipAngle": 90,
    "ImageOrientationPatientDICOM": [
      0,
      1,
      0,
      0,
      0,
      -1
    ],
    "ImageType": [
      "ORIGINAL",
      "PRIMARY",
      "OTHER"
    ],
    "ImagingFrequency": 127.696,
    "InPlanePhaseEncodingDirectionDICOM": "ROW",
    "InstitutionName": "NIH FMRIF",
    "MRAcquisitionType": "3D",
    "MagneticFieldStrength": 3,
    "Manufacturer": "GE",
    "ManufacturersModelName": "DISCOVERY MR750",
    "Modality": "MR",
    "ParallelReductionFactorInPlane": 2,
    "ParallelReductionOutOfPlane": 1.5,
    "PatientPosition": "HFS",
    "PercentPhaseFOV": 100,
    "PercentSampling": 100,
    "PhaseEncodingAxis": "i",
    "PixelBandwidth": 244.141,
    "ProcedureStepDescription": "MRI BRAIN",
    "ProtocolName": "ADNI3 FMRIF Enhanced Pro",
    "ReconMatrixPE": 256,
    "RepetitionTime": 3.202,
    "SAR": 0.451,
    "ScanOptions": "SAT_GEMS\\EDR_GEMS\\PROMO_GEMS\\FILTERED_GEMS\\ACC_GEMS\\FS\\FR_GEMS",
    "ScanningSequence": "RM",
    "SequenceVariant": "NONE",
    "SeriesDescription": "Anat T2w CUBE (ABCD)",
    "SeriesNumber": 4,
    "SliceThickness": 1,
    "SoftwareVersions": "27\\LX\\MR Software release:DV26.0_R03_1831.b",
    "SpacingBetweenSlices": 1,
    "StationName": "FMRI3tb",
    "acq_id": "CUBE",
    "dataset": "ds004215",
    "modality": "T2w",
    "rec_id": "SCIC",
    "session_id": "01",
    "subject_id": "ON66199"
  },
  "cjv": 0.28598921799011146,
  "cnr": 4.106183213727999,
  "efc": 0.45421936625297615,
  "fber": 591.4937351148687,
  "fwhm_avg": 2.470936666666667,
  "fwhm_x": 1.99906,
  "fwhm_y": 2.7631,
  "fwhm_z": 2.65065,
  "icvs_csf": 0.21994917359887955,
  "icvs_gm": 0.7094493360767845,
  "icvs_wm": 0.07060149032433588,
  "inu_med": 0.6791434288024902,
  "inu_range": 0.1582780003547669,
  "provenance": {
    "md5sum": "de69052c06a73f40a86155b98f227101",
    "settings": {
      "testing": false
    },
    "software": "mriqc",
    "version": "22.0.6",
    "warnings": {
      "large_rot_frame": true,
      "small_air_mask": false
    },
    "webapi_port": null,
    "webapi_url": "https://mriqc.nimh.nih.gov/api/v1"
  },
  "qi_1": 0.0,
  "qi_2": 0.004721922831676085,
  "rpve_csf": 25.799766866310826,
  "rpve_gm": 10.733917034980898,
  "rpve_wm": 89.34794482038514,
  "size_x": 204,
  "size_y": 256,
  "size_z": 256,
  "snr_csf": 6.544081218579627,
  "snr_gm": 8.134849196839104,
  "snr_total": 5.312745602940705,
  "snr_wm": 1.2593063934033843,
  "snrd_csf": 89.5894174526545,
  "snrd_gm": 28.56015144627608,
  "snrd_total": 41.20325230020506,
  "snrd_wm": 5.460188001684592,
  "spacing_x": 1.0,
  "spacing_y": 1.0,
  "spacing_z": 1.0,
  "summary_bg_k": 29.082308964265557,
  "summary_bg_mad": 120.1542132602361,
  "summary_bg_mean": 157.27509646272142,
  "summary_bg_median": 157.83507484197617,
  "summary_bg_n": 3638076.0,
  "summary_bg_p05": 0.0,
  "summary_bg_p95": 372.3434261083603,
  "summary_bg_stdv": 132.70715598526922,
  "summary_csf_k": 7.1227266423395985,
  "summary_csf_mad": 1212.4652428987463,
  "summary_csf_mean": 15559.595190671816,
  "summary_csf_median": 16430.999667346478,
  "summary_csf_n": 56575.0,
  "summary_csf_p05": 10159.534898221493,
  "summary_csf_p95": 17718.049774944782,
  "summary_csf_stdv": 2510.7962299949436,
  "summary_gm_k": 0.08015644960467849,
  "summary_gm_mad": 638.5818327117444,
  "summary_gm_mean": 5289.622301951766,
  "summary_gm_median": 5238.027573525906,
  "summary_gm_n": 500929.0,
  "summary_gm_p05": 4327.571387767792,
  "summary_gm_p95": 6437.5174690485,
  "summary_gm_stdv": 643.8991330343563,
  "summary_wm_k": 6.730390989507166,
  "summary_wm_mad": 573.0431709334338,
  "summary_wm_mean": 1206.8537405954794,
  "summary_wm_median": 1001.4167944192886,
  "summary_wm_n": 14165.0,
  "summary_wm_p05": 356.47490870952606,
  "summary_wm_p95": 2768.489553332329,
  "summary_wm_stdv": 795.184913504888,
  "tpm_overlap_csf": 0.1593765173610746,
  "tpm_overlap_gm": 0.4218847268615948,
  "tpm_overlap_wm": 0.020941231355492605,
  "wm2max": 0.05656753209335083
}