{
  "bids_meta": {
    "AcquisitionMatrixPE": 256,
    "AcquisitionNumber": 1,
    "AcquisitionTime": "15:11:29.000000",
    "BodyPartExamined": "BRAIN",
    "CoilString": "32Ch Head",
    "ConversionSoftware": "dcm2niix",
    "ConversionSoftwareVersion": "v1.0.20211006",
    "Dcm2bidsVersion": "2.1.6",
    "DeviceSerialNumber": "000301496MR3T6MR",
    "EchoTime": 0.00292,
    "FlipAngle": 8,
    "ImageOrientationPatientDICOM": [
      0,
      1,
      0,
      0,
      0,
      -1
    ],
    "ImageType": [
      "ORIGINAL",
      "PRIMARY",
      "OTHER"
    ],
    "ImagingFrequency": 127.696,
    "InPlanePhaseEncodingDirectionDICOM": "ROW",
    "InstitutionName": "NIH FMRIF",
    "InversionTime": 1.06,
    "MRAcquisitionType": "3D",
    "MagneticFieldStrength": 3,
    "Manufacturer": "GE",
    "ManufacturersModelName": "DISCOVERY MR750",
    "Modality": "MR",
    "ParallelReductionFactorInPlane": 2,
    "ParallelReductionOutOfPlane": 2,
    "PatientPosition": "HFS",
    "PercentPhaseFOV": 100,
    "PercentSampling": 100,
    "PixelBandwidth": 244.141,
    "ProcedureStepDescription": "MRI BRAIN",
    "ProtocolName": "ADNI3 FMRIF Enhanced Pro",
    "ReconMatrixPE": 256,
    "RepetitionTime": 0.006952,
    "SAR": 0.104446,
    "ScanOptions": "EDR_GEMS\\PROMO_GEMS\\FILTERED_GEMS\\ACC_GEMS\\IR_GEMS",
    "ScanningSequence": "RM",
    "SequenceVariant": "NONE",
    "SeriesDescription": "Anat T1w MP-RAGE 1mm (ABCD)",
    "SeriesNumber": 3,
    "SliceThickness": 1,
    "SoftwareVersions": "27\\LX\\MR Software release:DV26.0_R03_1831.b",
    "SpacingBetweenSlices": 1,
    "StationName": "FMRI3tb",
    "acq_id": "MPRAGE",
    "dataset": "ds004215",
    "modality": "T1w",
    "rec_id": "SCIC",
    "session_id": "01",
    "subject_id": "ON66199"
  },
  "cjv": 0.3530863850873733,
  "cnr": 3.782005415218647,
  "efc": 0.6837573725636299,
  "fber": 15545.673855251736,
  "fwhm_avg": 3.50203,
  "fwhm_x": 3.37353,
  "fwhm_y": 3.67887,
  "fwhm_z": 3.45369,
  "icvs_csf": 0.2571424801053454,
  "icvs_gm": 0.40988306805348274,
  "icvs_wm": 0.3329744518411719,
  "inu_med": 0.515857070684433,
  "inu_range": 0.09193780720233924,
  "provenance": {
    "md5sum": "7c6d89f5880b8cf5cc10c1584c5d5eea",
    "settings": {
      "testing": false
    },
    "software": "mriqc",
    "version": "22.0.6",
    "warnings": {
      "large_rot_frame": true,
      "small_air_mask": false
    },
    "webapi_port": null,
    "webapi_url": "https://mriqc.nimh.nih.gov/api/v1"
  },
  "qi_1": 0.0,
  "qi_2": 0.0020740836655141898,
  "rpve_csf": 24.137771490774078,
  "rpve_gm": 14.818138334544711,
  "rpve_wm": 21.100380229320457,
  "size_x": 208,
  "size_y": 256,
  "size_z": 256,
  "snr_csf": 1.7189142246681672,
  "snr_gm": 8.960987373370681,
  "snr_total": 10.091514164897108,
  "snr_wm": 19.594640896652475,
  "snrd_csf": 13.875633322097242,
  "snrd_gm": 61.26370857533639,
  "snrd_total": 56.030480455152706,
  "snrd_wm": 92.95209946802449,
  "spacing_x": 1.0,
  "spacing_y": 1.0,
  "spacing_z": 1.0,
  "summary_bg_k": 5.483445362163403,
  "summary_bg_mad": 7.048107458533433,
  "summary_bg_mean": 6.8740432633871835,
  "summary_bg_median": 4.753876239061356,
  "summary_bg_n": 925508.0,
  "summary_bg_p05": 0.0,
  "summary_bg_p95": 30.90019555389881,
  "summary_bg_stdv": 10.547723649800217,
  "summary_csf_k": 4.1300556745825245,
  "summary_csf_mad": 58.96643391180006,
  "summary_csf_mean": 170.01231825168944,
  "summary_csf_median": 149.27724166959524,
  "summary_csf_n": 63682.0,
  "summary_csf_p05": 74.54188498109579,
  "summary_csf_p95": 358.1382414564487,
  "summary_csf_stdv": 86.84323363588844,
  "summary_gm_k": 0.15185191848372037,
  "summary_gm_mad": 71.56697486237582,
  "summary_gm_mean": 658.9980602008891,
  "summary_gm_median": 659.0890100859106,
  "summary_gm_n": 24534.0,
  "summary_gm_p05": 536.9019532751292,
  "summary_gm_p95": 780.0046813908964,
  "summary_gm_stdv": 73.54943716939324,
  "summary_wm_k": 0.48562989925061517,
  "summary_wm_mad": 48.80404641344953,
  "summary_wm_mean": 998.8279901886331,
  "summary_wm_median": 999.9999779388309,
  "summary_wm_n": 201370.0,
  "summary_wm_p05": 913.2417365759611,
  "summary_wm_p95": 1080.1525424346328,
  "summary_wm_stdv": 51.03423432042244,
  "tpm_overlap_csf": 0.1547812007432013,
  "tpm_overlap_gm": 0.462326140052715,
  "tpm_overlap_wm": 0.5152141962950096,
  "wm2max": 0.6265867724226313
}