{
  "bids_meta": {
    "AcquisitionMatrixPE": 256,
    "AcquisitionNumber": 1,
    "AcquisitionTime": "14:20:18.000000",
    "BodyPartExamined": "BRAIN",
    "CoilString": "32Ch Head",
    "ConversionSoftware": "dcm2niix",
    "ConversionSoftwareVersion": "v1.0.20211006",
    "Dcm2bidsVersion": "2.1.6",
    "DeviceSerialNumber": "000301496MR3T6MR",
    "EchoTime": 0.00292,
    "FlipAngle": 8,
    "ImageOrientationPatientDICOM": [
      0,
      1,
      0,
      0,
      0,
      -1
    ],
    "ImageType": [
      "ORIGINAL",
      "PRIMARY",
      "OTHER"
    ],
    "ImagingFrequency": 127.697,
    "InPlanePhaseEncodingDirectionDICOM": "ROW",
    "InstitutionName": "NIH FMRIF",
    "InversionTime": 1.06,
    "MRAcquisitionType": "3D",
    "MagneticFieldStrength": 3,
    "Manufacturer": "GE",
    "ManufacturersModelName": "DISCOVERY MR750",
    "Modality": "MR",
    "ParallelReductionFactorInPlane": 2,
    "ParallelReductionOutOfPlane": 2,
    "PatientPosition": "HFS",
    "PercentPhaseFOV": 100,
    "PercentSampling": 100,
    "PixelBandwidth": 244.141,
    "ProcedureStepDescription": "MRI Brain",
    "ProtocolName": "ADNI3 FMRIF Enhanced Pro",
    "ReconMatrixPE": 256,
    "RepetitionTime": 0.006952,
    "SAR": 0.127222,
    "ScanOptions": "EDR_GEMS\\PROMO_GEMS\\ACC_GEMS\\IR_GEMS",
    "ScanningSequence": "RM",
    "SequenceVariant": "NONE",
    "SeriesDescription": "ORIG Anat T1w MP-RAGE 1mm (ABCD)",
    "SeriesNumber": 40003,
    "SliceThickness": 1,
    "SoftwareVersions": "27\\LX\\MR Software release:DV26.0_R03_1831.b",
    "SpacingBetweenSlices": 1,
    "StationName": "FMRI3tb",
    "acq_id": "MPRAGE",
    "dataset": "ds004215",
    "modality": "T1w",
    "session_id": "01",
    "subject_id": "ON03748"
  },
  "cjv": 0.36527435511876516,
  "cnr": 3.646556371084385,
  "efc": 0.4676365422972919,
  "fber": 3810.758743595456,
  "fwhm_avg": 3.9054333333333333,
  "fwhm_x": 3.78225,
  "fwhm_y": 4.13304,
  "fwhm_z": 3.80101,
  "icvs_csf": 0.21279975460720535,
  "icvs_gm": 0.42249053762892375,
  "icvs_wm": 0.3647097077638709,
  "inu_med": 0.8304025530815125,
  "inu_range": 0.5499829709529872,
  "provenance": {
    "md5sum": "208537ef20cff5994f79504e2443a666",
    "settings": {
      "testing": false
    },
    "software": "mriqc",
    "version": "22.0.6",
    "warnings": {
      "large_rot_frame": true,
      "small_air_mask": false
    },
    "webapi_port": null,
    "webapi_url": "https://mriqc.nimh.nih.gov/api/v1"
  },
  "qi_1": 0.0,
  "qi_2": 0.001186978326925502,
  "rpve_csf": 25.970151659968447,
  "rpve_gm": 13.885756946006575,
  "rpve_wm": 19.29750481485752,
  "size_x": 208,
  "size_y": 256,
  "size_z": 256,
  "snr_csf": 1.2617359975094902,
  "snr_gm": 7.442053629864769,
  "snr_total": 9.234412432393084,
  "snr_wm": 18.999447669804994,
  "snrd_csf": 8.214207249308181,
  "snrd_gm": 36.41376667695978,
  "snrd_total": 34.05195422418488,
  "snrd_wm": 57.52788874628669,
  "spacing_x": 1.0,
  "spacing_y": 1.0,
  "spacing_z": 1.0,
  "summary_bg_k": 2.2506863529062517,
  "summary_bg_mad": 11.38858638907877,
  "summary_bg_mean": 11.831499141596032,
  "summary_bg_median": 10.381412610411644,
  "summary_bg_n": 3288341.0,
  "summary_bg_p05": 0.0,
  "summary_bg_p95": 33.27375836670399,
  "summary_bg_stdv": 11.232071643588064,
  "summary_csf_k": 0.7955468188826313,
  "summary_csf_mad": 92.96920275044995,
  "summary_csf_mean": 173.25007265066267,
  "summary_csf_median": 142.79195733368397,
  "summary_csf_n": 29211.0,
  "summary_csf_p05": 40.2707544118166,
  "summary_csf_p95": 403.6011822000146,
  "summary_csf_stdv": 113.1690888169887,
  "summary_gm_k": 0.04495950588070885,
  "summary_gm_mad": 83.66664456135095,
  "summary_gm_mean": 631.1830707527449,
  "summary_gm_median": 632.9999791681767,
  "summary_gm_n": 31550.0,
  "summary_gm_p05": 487.3179582506418,
  "summary_gm_p95": 770.6202437728643,
  "summary_gm_stdv": 85.05581642856235,
  "summary_wm_k": 0.4628698480041842,
  "summary_wm_mad": 50.40295164275455,
  "summary_wm_mean": 999.7956304600019,
  "summary_wm_median": 1000.038054317236,
  "summary_wm_n": 237494.0,
  "summary_wm_p05": 913.6403640210629,
  "summary_wm_p95": 1085.3709843456745,
  "summary_wm_stdv": 52.635001095735674,
  "tpm_overlap_csf": 0.15453587707527996,
  "tpm_overlap_gm": 0.45375649390166145,
  "tpm_overlap_wm": 0.5096612120300587,
  "wm2max": 0.5733908948194663
}