{
  "bids_meta": {
    "AcquisitionMatrixPE": 256,
    "AcquisitionNumber": 1,
    "AcquisitionTime": "14:20:18.000000",
    "BodyPartExamined": "BRAIN",
    "CoilString": "32Ch Head",
    "ConversionSoftware": "dcm2niix",
    "ConversionSoftwareVersion": "v1.0.20211006",
    "Dcm2bidsVersion": "2.1.6",
    "DeviceSerialNumber": "000301496MR3T6MR",
    "EchoTime": 0.00292,
    "FlipAngle": 8,
    "ImageOrientationPatientDICOM": [
      0,
      1,
      0,
      0,
      0,
      -1
    ],
    "ImageType": [
      "ORIGINAL",
      "PRIMARY",
      "OTHER"
    ],
    "ImagingFrequency": 127.697,
    "InPlanePhaseEncodingDirectionDICOM": "ROW",
    "InstitutionName": "NIH FMRIF",
    "InversionTime": 1.06,
    "MRAcquisitionType": "3D",
    "MagneticFieldStrength": 3,
    "Manufacturer": "GE",
    "ManufacturersModelName": "DISCOVERY MR750",
    "Modality": "MR",
    "ParallelReductionFactorInPlane": 2,
    "ParallelReductionOutOfPlane": 2,
    "PatientPosition": "HFS",
    "PercentPhaseFOV": 100,
    "PercentSampling": 100,
    "PixelBandwidth": 244.141,
    "ProcedureStepDescription": "MRI Brain",
    "ProtocolName": "ADNI3 FMRIF Enhanced Pro",
    "ReconMatrixPE": 256,
    "RepetitionTime": 0.006952,
    "SAR": 0.127222,
    "ScanOptions": "EDR_GEMS\\PROMO_GEMS\\FILTERED_GEMS\\ACC_GEMS\\IR_GEMS",
    "ScanningSequence": "RM",
    "SequenceVariant": "NONE",
    "SeriesDescription": "Anat T1w MP-RAGE 1mm (ABCD)",
    "SeriesNumber": 3,
    "SliceThickness": 1,
    "SoftwareVersions": "27\\LX\\MR Software release:DV26.0_R03_1831.b",
    "SpacingBetweenSlices": 1,
    "StationName": "FMRI3tb",
    "acq_id": "MPRAGE",
    "dataset": "ds004215",
    "modality": "T1w",
    "rec_id": "SCIC",
    "session_id": "01",
    "subject_id": "ON03748"
  },
  "cjv": 0.3436958702506608,
  "cnr": 3.9046507381291247,
  "efc": 0.6824219538516647,
  "fber": 8616.711043207082,
  "fwhm_avg": 3.596216666666667,
  "fwhm_x": 3.46755,
  "fwhm_y": 3.85861,
  "fwhm_z": 3.46249,
  "icvs_csf": 0.2232978762077027,
  "icvs_gm": 0.4170209039198736,
  "icvs_wm": 0.3596812198724237,
  "inu_med": 0.41857944428920746,
  "inu_range": 0.0684901192784309,
  "provenance": {
    "md5sum": "b45cbec3b72e5926df4cf010c480b2e9",
    "settings": {
      "testing": false
    },
    "software": "mriqc",
    "version": "22.0.6",
    "warnings": {
      "large_rot_frame": true,
      "small_air_mask": false
    },
    "webapi_port": null,
    "webapi_url": "https://mriqc.nimh.nih.gov/api/v1"
  },
  "qi_1": 0.0,
  "qi_2": 0.0027912843713835066,
  "rpve_csf": 24.72561370158475,
  "rpve_gm": 13.881395682369487,
  "rpve_wm": 19.481242851477408,
  "size_x": 208,
  "size_y": 256,
  "size_z": 256,
  "snr_csf": 1.8291171109540376,
  "snr_gm": 7.960793654829506,
  "snr_total": 10.052013991730774,
  "snr_wm": 20.36613120940878,
  "snrd_csf": 20.61705923713984,
  "snrd_gm": 67.19597344140894,
  "snrd_total": 64.64149373580786,
  "snrd_wm": 106.11144852887482,
  "spacing_x": 1.0,
  "spacing_y": 1.0,
  "spacing_z": 1.0,
  "summary_bg_k": 8.821155104957219,
  "summary_bg_mad": 6.174040812325205,
  "summary_bg_mean": 5.641035037655292,
  "summary_bg_median": 4.164327245205641,
  "summary_bg_n": 950210.0,
  "summary_bg_p05": 0.0,
  "summary_bg_p95": 25.383680118247867,
  "summary_bg_stdv": 9.127306141113587,
  "summary_csf_k": 0.6794913593731682,
  "summary_csf_mad": 95.87106070374644,
  "summary_csf_mean": 217.22790368907582,
  "summary_csf_median": 194.29627961479127,
  "summary_csf_n": 34022.0,
  "summary_csf_p05": 82.3051205898635,
  "summary_csf_p95": 426.22708183070597,
  "summary_csf_stdv": 106.22251739905445,
  "summary_gm_k": -0.03965149126188061,
  "summary_gm_mad": 79.25664750653424,
  "summary_gm_mean": 631.4235675487956,
  "summary_gm_median": 633.2584824338555,
  "summary_gm_n": 32215.0,
  "summary_gm_p05": 497.91082843560724,
  "summary_gm_p95": 760.9091495575383,
  "summary_gm_stdv": 79.54591981488147,
  "summary_wm_k": 0.5246364244443824,
  "summary_wm_mad": 46.79090480801518,
  "summary_wm_mean": 999.2092813404105,
  "summary_wm_median": 1000.00002117455,
  "summary_wm_n": 239127.0,
  "summary_wm_p05": 917.345143886283,
  "summary_wm_p95": 1077.905693795532,
  "summary_wm_stdv": 49.101025617040825,
  "tpm_overlap_csf": 0.1573474216953427,
  "tpm_overlap_gm": 0.45869181803155745,
  "tpm_overlap_wm": 0.5143896232372751,
  "wm2max": 0.7522570880484328
}