{
  "aor": 0.0023452763819095486,
  "aqi": 0.0017676508190954772,
  "bids_meta": {
    "AcquisitionMatrixPE": 64,
    "AcquisitionNumber": 1,
    "AcquisitionTime": "12:43:28.000000",
    "BodyPartExamined": "BRAIN",
    "CoilString": "32Ch Head",
    "ConversionSoftware": "dcm2niix",
    "ConversionSoftwareVersion": "v1.0.20211006",
    "Dcm2bidsVersion": "2.1.6",
    "DeviceSerialNumber": "000301496MR3T6MR",
    "EchoTime": 0.0169,
    "EffectiveEchoSpacing": 0.000416,
    "FlipAngle": 90,
    "ImageOrientationPatientDICOM": [
      1,
      0,
      0,
      0,
      1,
      0
    ],
    "ImageType": [
      "ORIGINAL",
      "PRIMARY",
      "OTHER"
    ],
    "ImagingFrequency": 127.697,
    "InPlanePhaseEncodingDirectionDICOM": "COL",
    "InstitutionName": "NIH FMRIF",
    "InternalPulseSequenceName": "EPI",
    "MRAcquisitionType": "2D",
    "MagneticFieldStrength": 3,
    "Manufacturer": "GE",
    "ManufacturersModelName": "DISCOVERY MR750",
    "Modality": "MR",
    "PatientPosition": "HFS",
    "PercentPhaseFOV": 100,
    "PercentSampling": 100,
    "PhaseEncodingDirection": "j",
    "PhaseEncodingPolarityGE": "Flipped",
    "PixelBandwidth": 7812.5,
    "ProcedureStepDescription": "MRI Brain",
    "ProtocolName": "ADNI3 FMRIF Enhanced Pro",
    "PulseSequenceName": "epi",
    "ReconMatrixPE": 64,
    "RepetitionTime": 3,
    "SAR": 0.147975,
    "ScanOptions": "MP_GEMS\\EPI_GEMS\\PFF",
    "ScanningSequence": "EP\\GR",
    "SequenceVariant": "SS",
    "SeriesDescription": "Axial rsfMRI with Eyes Open - RKV",
    "SeriesNumber": 10,
    "SliceThickness": 3.4,
    "SliceTiming": [
      0,
      1.5,
      0.0625,
      1.5625,
      0.125,
      1.625,
      0.1875,
      1.6875,
      0.25,
      1.75,
      0.3125,
      1.8125,
      0.375,
      1.875,
      0.4375,
      1.9375,
      0.5,
      2,
      0.5625,
      2.0625,
      0.625,
      2.125,
      0.6875,
      2.1875,
      0.75,
      2.25,
      0.8125,
      2.3125,
      0.875,
      2.375,
      0.9375,
      2.4375,
      1,
      2.5,
      1.0625,
      2.5625,
      1.125,
      2.625,
      1.1875,
      2.6875,
      1.25,
      2.75,
      1.3125,
      2.8125,
      1.375,
      2.875,
      1.4375,
      2.9375
    ],
    "SoftwareVersions": "27\\LX\\MR Software release:DV26.0_R03_1831.b",
    "SpacingBetweenSlices": 3.4,
    "StationName": "FMRI3tb",
    "TaskName": "Resting state with eyes open.",
    "TotalReadoutTime": 0.026208,
    "TriggerDelayTime": 599938,
    "dataset": "ds004215",
    "modality": "bold",
    "session_id": "01",
    "subject_id": "ON11394",
    "task_id": "rest"
  },
  "dummy_trs": 1,
  "dvars_nstd": 11.617564567575762,
  "dvars_std": 1.2615546143939396,
  "dvars_vstd": 0.952290253383838,
  "efc": 0.44607727171281375,
  "fber": 5652.26416015625,
  "fd_mean": 0.05324655783687743,
  "fd_num": 0,
  "fd_perc": 0.0,
  "fwhm_avg": 2.5896433481494476,
  "fwhm_x": 2.475362909090909,
  "fwhm_y": 2.4375301818181816,
  "fwhm_z": 2.856036953539252,
  "gcor": 0.012759,
  "gsr_x": -0.013167791068553925,
  "gsr_y": 0.06015656515955925,
  "provenance": {
    "md5sum": "e688830e57792acd46c91dd957507b62",
    "settings": {
      "fd_thres": 0.2,
      "testing": false
    },
    "software": "mriqc",
    "version": "22.0.6",
    "webapi_port": null,
    "webapi_url": "https://mriqc.nimh.nih.gov/api/v1"
  },
  "size_t": 199,
  "size_x": 64,
  "size_y": 64,
  "size_z": 48,
  "snr": 4.443736260857526,
  "spacing_tr": 3.0,
  "spacing_x": 3.4375,
  "spacing_y": 3.4375,
  "spacing_z": 3.4000015258789062,
  "summary_bg_k": 59.04614070198054,
  "summary_bg_mad": 12.218426307752873,
  "summary_bg_mean": 129.4068603515625,
  "summary_bg_median": 34.537689208984375,
  "summary_bg_n": 136809.0,
  "summary_bg_p05": 21.44422073364258,
  "summary_bg_p95": 638.6472412109365,
  "summary_bg_stdv": 270.8676452636719,
  "summary_fg_k": 0.7771893775283574,
  "summary_fg_mad": 552.4741976959915,
  "summary_fg_mean": 2661.021240234375,
  "summary_fg_median": 2580.477294921875,
  "summary_fg_n": 24209.0,
  "summary_fg_p05": 1847.759765625,
  "summary_fg_p95": 3707.989990234375,
  "summary_fg_stdv": 580.6879272460938,
  "tsnr": 134.3292451458983
}