{
  "aor": 0.0030751256281407037,
  "aqi": 0.0022869689095477387,
  "bids_meta": {
    "AcquisitionMatrixPE": 64,
    "AcquisitionNumber": 1,
    "AcquisitionTime": "09:21:4.000000",
    "BodyPartExamined": "BRAIN",
    "CoilString": "32Ch Head",
    "ConversionSoftware": "dcm2niix",
    "ConversionSoftwareVersion": "v1.0.20211006",
    "Dcm2bidsVersion": "2.1.6",
    "DeviceSerialNumber": "000301496mr3T5mr",
    "EchoTime": 0.0169,
    "EffectiveEchoSpacing": 0.000416,
    "FlipAngle": 90,
    "ImageOrientationPatientDICOM": [
      1,
      0,
      0,
      0,
      1,
      0
    ],
    "ImageType": [
      "ORIGINAL",
      "PRIMARY",
      "OTHER"
    ],
    "ImagingFrequency": 127.824,
    "InPlanePhaseEncodingDirectionDICOM": "COL",
    "InstitutionName": "NIH FMRIF",
    "InternalPulseSequenceName": "EPI",
    "MRAcquisitionType": "2D",
    "MagneticFieldStrength": 3,
    "Manufacturer": "GE",
    "ManufacturersModelName": "DISCOVERY MR750",
    "Modality": "MR",
    "PatientPosition": "HFS",
    "PercentPhaseFOV": 100,
    "PercentSampling": 100,
    "PhaseEncodingDirection": "j",
    "PhaseEncodingPolarityGE": "Flipped",
    "PixelBandwidth": 7812.5,
    "ProcedureStepDescription": "MRI Brain",
    "ProtocolName": "ADNI3 FMRIF Enhanced Pro",
    "PulseSequenceName": "epi",
    "ReconMatrixPE": 64,
    "RepetitionTime": 3,
    "SAR": 0.162476,
    "ScanOptions": "MP_GEMS\\EPI_GEMS\\PFF",
    "ScanningSequence": "EP\\GR",
    "SequenceVariant": "SS",
    "SeriesDescription": "Axial rsfMRI with Eyes Open - RKV",
    "SeriesNumber": 10,
    "SliceThickness": 3.4,
    "SliceTiming": [
      0,
      1.5,
      0.0625,
      1.5625,
      0.125,
      1.625,
      0.1875,
      1.6875,
      0.25,
      1.75,
      0.3125,
      1.8125,
      0.375,
      1.875,
      0.4375,
      1.9375,
      0.5,
      2,
      0.5625,
      2.0625,
      0.625,
      2.125,
      0.6875,
      2.1875,
      0.75,
      2.25,
      0.8125,
      2.3125,
      0.875,
      2.375,
      0.9375,
      2.4375,
      1,
      2.5,
      1.0625,
      2.5625,
      1.125,
      2.625,
      1.1875,
      2.6875,
      1.25,
      2.75,
      1.3125,
      2.8125,
      1.375,
      2.875,
      1.4375,
      2.9375
    ],
    "SoftwareVersions": "27\\LX\\MR Software release:DV26.0_R03_1831.b",
    "SpacingBetweenSlices": 3.4,
    "StationName": "FMRI3ta",
    "TaskName": "Resting state with eyes open.",
    "TotalReadoutTime": 0.026208,
    "TriggerDelayTime": 599938,
    "dataset": "ds004215",
    "modality": "bold",
    "session_id": "01",
    "subject_id": "ON47254",
    "task_id": "rest"
  },
  "dummy_trs": 1,
  "dvars_nstd": 13.673871218636364,
  "dvars_std": 1.1644759325252536,
  "dvars_vstd": 0.9872409710606063,
  "efc": 0.5094366228816932,
  "fber": 4005.06103515625,
  "fd_mean": 0.1269998751000485,
  "fd_num": 31,
  "fd_perc": 15.577889447236181,
  "fwhm_avg": 2.689215217238072,
  "fwhm_x": 2.5834443636363638,
  "fwhm_y": 2.5394967272727276,
  "fwhm_z": 2.944704560805125,
  "gcor": 0.0449826,
  "gsr_x": -0.001958430977538228,
  "gsr_y": 0.08988946676254272,
  "provenance": {
    "md5sum": "e47ab38009a1ffa0046bfca094a894c1",
    "settings": {
      "fd_thres": 0.2,
      "testing": false
    },
    "software": "mriqc",
    "version": "22.0.6",
    "webapi_port": null,
    "webapi_url": "https://mriqc.nimh.nih.gov/api/v1"
  },
  "size_t": 199,
  "size_x": 64,
  "size_y": 64,
  "size_z": 48,
  "snr": 3.9083408431382702,
  "spacing_tr": 3.0,
  "spacing_x": 3.4375,
  "spacing_y": 3.4375,
  "spacing_z": 3.4000015258789062,
  "summary_bg_k": 14.522074664544771,
  "summary_bg_mad": 12.851701127353552,
  "summary_bg_mean": 194.29010009765625,
  "summary_bg_median": 36.69346618652344,
  "summary_bg_n": 127491.0,
  "summary_bg_p05": 23.60301399230957,
  "summary_bg_p95": 1120.94970703125,
  "summary_bg_stdv": 401.4976806640625,
  "summary_fg_k": 3.2027709310409795,
  "summary_fg_mad": 497.5361118755952,
  "summary_fg_mean": 2390.739501953125,
  "summary_fg_median": 2314.08544921875,
  "summary_fg_n": 30611.0,
  "summary_fg_p05": 1579.0426635742188,
  "summary_fg_p95": 3423.2310791015625,
  "summary_fg_stdv": 592.0792846679688,
  "tsnr": 102.2715975116007
}