{
  "bids_meta": {
    "AcquisitionMatrixPE": 256,
    "AcquisitionNumber": 1,
    "AcquisitionTime": "15:04:18.000000",
    "BodyPartExamined": "BRAIN",
    "CoilString": "32Ch Head",
    "ConversionSoftware": "dcm2niix",
    "ConversionSoftwareVersion": "v1.0.20211006",
    "Dcm2bidsVersion": "2.1.6",
    "DeviceSerialNumber": "000301496MR3T6MR",
    "EchoTime": 0.00292,
    "FlipAngle": 8,
    "ImageOrientationPatientDICOM": [
      0,
      1,
      0,
      0,
      0,
      -1
    ],
    "ImageType": [
      "ORIGINAL",
      "PRIMARY",
      "OTHER"
    ],
    "ImagingFrequency": 127.697,
    "InPlanePhaseEncodingDirectionDICOM": "ROW",
    "InstitutionName": "NIH FMRIF",
    "InversionTime": 1.06,
    "MRAcquisitionType": "3D",
    "MagneticFieldStrength": 3,
    "Manufacturer": "GE",
    "ManufacturersModelName": "DISCOVERY MR750",
    "Modality": "MR",
    "ParallelReductionFactorInPlane": 2,
    "ParallelReductionOutOfPlane": 2,
    "PatientPosition": "HFS",
    "PercentPhaseFOV": 100,
    "PercentSampling": 100,
    "PixelBandwidth": 244.141,
    "ProcedureStepDescription": "MRI Brain",
    "ProtocolName": "ADNI3 FMRIF Enhanced Pro",
    "ReconMatrixPE": 256,
    "RepetitionTime": 0.006952,
    "SAR": 0.121519,
    "ScanOptions": "EDR_GEMS\\PROMO_GEMS\\FILTERED_GEMS\\ACC_GEMS\\IR_GEMS",
    "ScanningSequence": "RM",
    "SequenceVariant": "NONE",
    "SeriesDescription": "Anat T1w MP-RAGE 1mm (ABCD)",
    "SeriesNumber": 3,
    "SliceThickness": 1,
    "SoftwareVersions": "27\\LX\\MR Software release:DV26.0_R03_1831.b",
    "SpacingBetweenSlices": 1,
    "StationName": "FMRI3tb",
    "acq_id": "MPRAGE",
    "dataset": "ds004215",
    "modality": "T1w",
    "rec_id": "SCIC",
    "session_id": "01",
    "subject_id": "ON51005"
  },
  "cjv": 0.3508219684703558,
  "cnr": 3.731627513714598,
  "efc": 0.6526832132723449,
  "fber": 3878.744825991444,
  "fwhm_avg": 3.5145999999999997,
  "fwhm_x": 3.39105,
  "fwhm_y": 3.73307,
  "fwhm_z": 3.41968,
  "icvs_csf": 0.2597095179663801,
  "icvs_gm": 0.4265069564117272,
  "icvs_wm": 0.3137835256218927,
  "inu_med": 0.548902839422226,
  "inu_range": 0.07562315762042993,
  "provenance": {
    "md5sum": "448723b6f393b59044476d8d122a8a0a",
    "settings": {
      "testing": false
    },
    "software": "mriqc",
    "version": "22.0.6",
    "warnings": {
      "large_rot_frame": true,
      "small_air_mask": false
    },
    "webapi_port": null,
    "webapi_url": "https://mriqc.nimh.nih.gov/api/v1"
  },
  "qi_1": 0.00042025733913631435,
  "qi_2": 0.0019385880456079443,
  "rpve_csf": 25.45124001089294,
  "rpve_gm": 15.152620506434952,
  "rpve_wm": 23.401847112764646,
  "size_x": 208,
  "size_y": 256,
  "size_z": 256,
  "snr_csf": 1.9437277381893594,
  "snr_gm": 7.972491699540261,
  "snr_total": 9.544266876957243,
  "snr_wm": 18.716581193142108,
  "snrd_csf": 12.858328800738919,
  "snrd_gm": 52.90855929840469,
  "snrd_total": 49.82611999756531,
  "snrd_wm": 83.7114718935523,
  "spacing_x": 1.0,
  "spacing_y": 1.0,
  "spacing_z": 1.0,
  "summary_bg_k": 45.72570445331333,
  "summary_bg_mad": 7.825909566512614,
  "summary_bg_mean": 14.136099987706666,
  "summary_bg_median": 5.278495788574219,
  "summary_bg_n": 1271971.0,
  "summary_bg_p05": 0.0,
  "summary_bg_p95": 55.83658826351166,
  "summary_bg_stdv": 24.16795585123544,
  "summary_csf_k": 3.109419478124706,
  "summary_csf_mad": 58.53128196620892,
  "summary_csf_mean": 170.81827478204357,
  "summary_csf_median": 153.59872901439667,
  "summary_csf_n": 72462.0,
  "summary_csf_p05": 79.58981931209564,
  "summary_csf_p95": 336.53159868717194,
  "summary_csf_stdv": 79.0222139324565,
  "summary_gm_k": -0.008201389224586464,
  "summary_gm_mad": 78.62593517605642,
  "summary_gm_mean": 631.9903160077106,
  "summary_gm_median": 632.0173941850662,
  "summary_gm_n": 36126.0,
  "summary_gm_p05": 501.0240983068943,
  "summary_gm_p95": 763.9179315268993,
  "summary_gm_stdv": 79.2736663190913,
  "summary_wm_k": 0.48058064369683073,
  "summary_wm_mad": 50.46081272574279,
  "summary_wm_mean": 998.4293448994755,
  "summary_wm_median": 999.972538113594,
  "summary_wm_n": 162223.0,
  "summary_wm_p05": 907.9315170168877,
  "summary_wm_p95": 1082.943893790245,
  "summary_wm_stdv": 53.426929079488055,
  "tpm_overlap_csf": 0.1514406752893439,
  "tpm_overlap_gm": 0.444255406991296,
  "tpm_overlap_wm": 0.47617036299757937,
  "wm2max": 0.6256966902910617
}