{
  "aor": 0.03864,
  "aqi": 0.0008860095555555555,
  "bids_meta": {
    "AcquisitionMatrixPE": 64,
    "AcquisitionNumber": 1,
    "AcquisitionTime": "16:25:34.000000",
    "BodyPartExamined": "BRAIN",
    "CoilString": "32Ch Head",
    "ConversionSoftware": "dcm2niix",
    "ConversionSoftwareVersion": "v1.0.20211006",
    "Dcm2bidsVersion": "2.1.6",
    "DeviceSerialNumber": "000301496MR3T6MR",
    "EchoTime": 0.0169,
    "EffectiveEchoSpacing": 0.000416,
    "FlipAngle": 90,
    "ImageOrientationPatientDICOM": [
      1,
      0,
      0,
      0,
      1,
      0
    ],
    "ImageType": [
      "ORIGINAL",
      "PRIMARY",
      "OTHER"
    ],
    "ImagingFrequency": 127.697,
    "InPlanePhaseEncodingDirectionDICOM": "COL",
    "InstitutionName": "NIH FMRIF",
    "InternalPulseSequenceName": "EPI",
    "MRAcquisitionType": "2D",
    "MagneticFieldStrength": 3,
    "Manufacturer": "GE",
    "ManufacturersModelName": "DISCOVERY MR750",
    "Modality": "MR",
    "PatientPosition": "HFS",
    "PercentPhaseFOV": 100,
    "PercentSampling": 100,
    "PhaseEncodingDirection": "j-",
    "PhaseEncodingPolarityGE": "Unflipped",
    "PixelBandwidth": 7812.5,
    "ProcedureStepDescription": "MRI BRAIN",
    "ProtocolName": "ADNI3 FMRIF Enhanced Pro",
    "PulseSequenceName": "epi",
    "ReconMatrixPE": 64,
    "RepetitionTime": 3,
    "SAR": 0.153939,
    "ScanOptions": "MP_GEMS\\EPI_GEMS\\PFF",
    "ScanningSequence": "EP\\GR",
    "SequenceVariant": "SS",
    "SeriesDescription": "Axial rsfMRI reverse blip - RKV",
    "SeriesNumber": 12,
    "SliceThickness": 3.4,
    "SliceTiming": [
      0,
      1.5,
      0.0625,
      1.5625,
      0.125,
      1.625,
      0.1875,
      1.6875,
      0.25,
      1.75,
      0.3125,
      1.8125,
      0.375,
      1.875,
      0.4375,
      1.9375,
      0.5,
      2,
      0.5625,
      2.0625,
      0.625,
      2.125,
      0.6875,
      2.1875,
      0.75,
      2.25,
      0.8125,
      2.3125,
      0.875,
      2.375,
      0.9375,
      2.4375,
      1,
      2.5,
      1.0625,
      2.5625,
      1.125,
      2.625,
      1.1875,
      2.6875,
      1.25,
      2.75,
      1.3125,
      2.8125,
      1.375,
      2.875,
      1.4375,
      2.9375
    ],
    "SoftwareVersions": "27\\LX\\MR Software release:DV26.0_R01_1725.a",
    "SpacingBetweenSlices": 3.4,
    "StationName": "fmrif3tb",
    "TaskName": "Resting state with reverse blip.",
    "TotalReadoutTime": 0.026208,
    "TriggerDelayTime": 29938,
    "dataset": "ds004215",
    "modality": "bold",
    "session_id": "01",
    "subject_id": "ON67563",
    "task_id": "rest"
  },
  "dummy_trs": 1,
  "dvars_nstd": 13.544520618750001,
  "dvars_std": 1.4955922075,
  "dvars_vstd": 1.40001276125,
  "efc": 0.45073250682005556,
  "fber": 5113.6806640625,
  "fd_mean": 0.05292831070920884,
  "fd_num": 0,
  "fd_perc": 0.0,
  "fwhm_avg": 2.514474001797191,
  "fwhm_x": 2.4647127272727274,
  "fwhm_y": 2.4454516363636363,
  "fwhm_z": 2.633257641755209,
  "gcor": 0.051463,
  "gsr_x": -0.0047656456008553505,
  "gsr_y": 0.02040589600801468,
  "provenance": {
    "md5sum": "bd41b9e094cc77658a62bd718e2b2d5f",
    "settings": {
      "fd_thres": 0.2,
      "testing": false
    },
    "software": "mriqc",
    "version": "22.0.6",
    "webapi_port": null,
    "webapi_url": "https://mriqc.nimh.nih.gov/api/v1"
  },
  "size_t": 9,
  "size_x": 64,
  "size_y": 64,
  "size_z": 48,
  "snr": 5.207990131143027,
  "spacing_tr": 3.0,
  "spacing_x": 3.4375,
  "spacing_y": 3.4375,
  "spacing_z": 3.4000015258789062,
  "summary_bg_k": 25.219273903621477,
  "summary_bg_mad": 10.378215529539213,
  "summary_bg_mean": 123.09325408935547,
  "summary_bg_median": 34.33333206176758,
  "summary_bg_n": 137479.0,
  "summary_bg_p05": 24.44444465637207,
  "summary_bg_p95": 618.6777954101552,
  "summary_bg_stdv": 231.65359497070312,
  "summary_fg_k": 0.22968576695506515,
  "summary_fg_mad": 423.3652800641868,
  "summary_fg_mean": 2476.604248046875,
  "summary_fg_median": 2430.77783203125,
  "summary_fg_n": 24232.0,
  "summary_fg_p05": 1745.8389282226562,
  "summary_fg_p95": 3327.2110595703125,
  "summary_fg_stdv": 466.73046875,
  "tsnr": 187.1281866915524
}