{
  "aor": 0.011542663316582914,
  "aqi": 0.003966650150753768,
  "bids_meta": {
    "AcquisitionMatrixPE": 64,
    "AcquisitionNumber": 1,
    "AcquisitionTime": "16:14:29.000000",
    "BodyPartExamined": "BRAIN",
    "CoilString": "32Ch Head",
    "ConversionSoftware": "dcm2niix",
    "ConversionSoftwareVersion": "v1.0.20211006",
    "Dcm2bidsVersion": "2.1.6",
    "DeviceSerialNumber": "000301496MR3T6MR",
    "EchoTime": 0.0169,
    "EffectiveEchoSpacing": 0.000416,
    "FlipAngle": 90,
    "ImageOrientationPatientDICOM": [
      1,
      0,
      0,
      0,
      1,
      0
    ],
    "ImageType": [
      "ORIGINAL",
      "PRIMARY",
      "OTHER"
    ],
    "ImagingFrequency": 127.697,
    "InPlanePhaseEncodingDirectionDICOM": "COL",
    "InstitutionName": "NIH FMRIF",
    "InternalPulseSequenceName": "EPI",
    "MRAcquisitionType": "2D",
    "MagneticFieldStrength": 3,
    "Manufacturer": "GE",
    "ManufacturersModelName": "DISCOVERY MR750",
    "Modality": "MR",
    "PatientPosition": "HFS",
    "PercentPhaseFOV": 100,
    "PercentSampling": 100,
    "PhaseEncodingDirection": "j",
    "PhaseEncodingPolarityGE": "Flipped",
    "PixelBandwidth": 7812.5,
    "ProcedureStepDescription": "MRI BRAIN",
    "ProtocolName": "ADNI3 FMRIF Enhanced Pro",
    "PulseSequenceName": "epi",
    "ReconMatrixPE": 64,
    "RepetitionTime": 3,
    "SAR": 0.153939,
    "ScanOptions": "MP_GEMS\\EPI_GEMS\\PFF",
    "ScanningSequence": "EP\\GR",
    "SequenceVariant": "SS",
    "SeriesDescription": "Axial rsfMRI with Eyes Open - RKV",
    "SeriesNumber": 11,
    "SliceThickness": 3.4,
    "SliceTiming": [
      0,
      1.5,
      0.0625,
      1.5625,
      0.125,
      1.625,
      0.1875,
      1.6875,
      0.25,
      1.75,
      0.3125,
      1.8125,
      0.375,
      1.875,
      0.4375,
      1.9375,
      0.5,
      2,
      0.5625,
      2.0625,
      0.625,
      2.125,
      0.6875,
      2.1875,
      0.75,
      2.25,
      0.8125,
      2.3125,
      0.875,
      2.375,
      0.9375,
      2.4375,
      1,
      2.5,
      1.0625,
      2.5625,
      1.125,
      2.625,
      1.1875,
      2.6875,
      1.25,
      2.75,
      1.3125,
      2.8125,
      1.375,
      2.875,
      1.4375,
      2.9375
    ],
    "SoftwareVersions": "27\\LX\\MR Software release:DV26.0_R01_1725.a",
    "SpacingBetweenSlices": 3.4,
    "StationName": "fmrif3tb",
    "TaskName": "Resting state with eyes open.",
    "TotalReadoutTime": 0.026208,
    "TriggerDelayTime": 599938,
    "dataset": "ds004215",
    "modality": "bold",
    "session_id": "01",
    "subject_id": "ON67563",
    "task_id": "rest"
  },
  "dummy_trs": 1,
  "dvars_nstd": 16.888951373838395,
  "dvars_std": 0.9984068347474747,
  "dvars_vstd": 0.8816464217676764,
  "efc": 0.4404908992394512,
  "fber": 4958.29296875,
  "fd_mean": 0.15045727225870506,
  "fd_num": 31,
  "fd_perc": 15.577889447236181,
  "fwhm_avg": 2.597716118679871,
  "fwhm_x": 2.565149090909091,
  "fwhm_y": 2.3751505454545456,
  "fwhm_z": 2.8528487196759755,
  "gcor": 0.201061,
  "gsr_x": -0.003765934379771352,
  "gsr_y": 0.015258251689374447,
  "provenance": {
    "md5sum": "72734e723f69889ddbd09e78c15af0ae",
    "settings": {
      "fd_thres": 0.2,
      "testing": false
    },
    "software": "mriqc",
    "version": "22.0.6",
    "webapi_port": null,
    "webapi_url": "https://mriqc.nimh.nih.gov/api/v1"
  },
  "size_t": 199,
  "size_x": 64,
  "size_y": 64,
  "size_z": 48,
  "snr": 4.486323964033612,
  "spacing_tr": 3.0,
  "spacing_x": 3.4375,
  "spacing_y": 3.4375,
  "spacing_z": 3.4000015258789062,
  "summary_bg_k": 35.20600522765202,
  "summary_bg_mad": 12.225883320025135,
  "summary_bg_mean": 120.1052474975586,
  "summary_bg_median": 35.226131439208984,
  "summary_bg_n": 138830.0,
  "summary_bg_p05": 21.916833400726322,
  "summary_bg_p95": 591.0052673339837,
  "summary_bg_stdv": 230.32882690429688,
  "summary_fg_k": 1.203845815666397,
  "summary_fg_mad": 485.48870197822436,
  "summary_fg_mean": 2496.167236328125,
  "summary_fg_median": 2435.84912109375,
  "summary_fg_n": 23402.0,
  "summary_fg_p05": 1677.841241455078,
  "summary_fg_p95": 3449.902783203125,
  "summary_fg_stdv": 542.9382934570312,
  "tsnr": 62.80573595885653
}