{
  "aor": 0.0018165326633165833,
  "aqi": 0.0037008126633165835,
  "bids_meta": {
    "AcquisitionMatrixPE": 64,
    "AcquisitionNumber": 1,
    "AcquisitionTime": "14:55:20.000000",
    "BodyPartExamined": "BRAIN",
    "CoilString": "32Ch Head",
    "ConversionSoftware": "dcm2niix",
    "ConversionSoftwareVersion": "v1.0.20211006",
    "Dcm2bidsVersion": "2.1.6",
    "DeviceSerialNumber": "000301496MR3T6MR",
    "EchoTime": 0.0169,
    "EffectiveEchoSpacing": 0.000416,
    "FlipAngle": 90,
    "ImageOrientationPatientDICOM": [
      1,
      0,
      0,
      0,
      1,
      0
    ],
    "ImageType": [
      "ORIGINAL",
      "PRIMARY",
      "OTHER"
    ],
    "ImagingFrequency": 127.697,
    "InPlanePhaseEncodingDirectionDICOM": "COL",
    "InstitutionName": "NIH FMRIF",
    "InternalPulseSequenceName": "EPI",
    "MRAcquisitionType": "2D",
    "MagneticFieldStrength": 3,
    "Manufacturer": "GE",
    "ManufacturersModelName": "DISCOVERY MR750",
    "Modality": "MR",
    "PatientPosition": "HFS",
    "PercentPhaseFOV": 100,
    "PercentSampling": 100,
    "PhaseEncodingDirection": "j",
    "PhaseEncodingPolarityGE": "Flipped",
    "PixelBandwidth": 7812.5,
    "ProcedureStepDescription": "MRI Brain",
    "ProtocolName": "ADNI3 FMRIF Enhanced Pro",
    "PulseSequenceName": "epi",
    "ReconMatrixPE": 64,
    "RepetitionTime": 3,
    "SAR": 0.153028,
    "ScanOptions": "MP_GEMS\\EPI_GEMS\\PFF",
    "ScanningSequence": "EP\\GR",
    "SequenceVariant": "SS",
    "SeriesDescription": "Axial rsfMRI with Eyes Open - RKV",
    "SeriesNumber": 10,
    "SliceThickness": 3.4,
    "SliceTiming": [
      0,
      1.5,
      0.0625,
      1.5625,
      0.125,
      1.625,
      0.1875,
      1.6875,
      0.25,
      1.75,
      0.3125,
      1.8125,
      0.375,
      1.875,
      0.4375,
      1.9375,
      0.5,
      2,
      0.5625,
      2.0625,
      0.625,
      2.125,
      0.6875,
      2.1875,
      0.75,
      2.25,
      0.8125,
      2.3125,
      0.875,
      2.375,
      0.9375,
      2.4375,
      1,
      2.5,
      1.0625,
      2.5625,
      1.125,
      2.625,
      1.1875,
      2.6875,
      1.25,
      2.75,
      1.3125,
      2.8125,
      1.375,
      2.875,
      1.4375,
      2.9375
    ],
    "SoftwareVersions": "27\\LX\\MR Software release:DV26.0_R01_1725.a",
    "SpacingBetweenSlices": 3.4,
    "StationName": "fmrif3tb",
    "TaskName": "Resting state with eyes open.",
    "TotalReadoutTime": 0.026208,
    "TriggerDelayTime": 599938,
    "dataset": "ds004215",
    "modality": "bold",
    "session_id": "01",
    "subject_id": "ON79309",
    "task_id": "rest"
  },
  "dummy_trs": 1,
  "dvars_nstd": 14.136641723939404,
  "dvars_std": 1.223450893080808,
  "dvars_vstd": 0.9617624702525251,
  "efc": 0.4422605706824797,
  "fber": 5633.939453125,
  "fd_mean": 0.09054341192812743,
  "fd_num": 12,
  "fd_perc": 6.030150753768845,
  "fwhm_avg": 2.5507400303366894,
  "fwhm_x": 2.505259636363636,
  "fwhm_y": 2.3946734545454547,
  "fwhm_z": 2.7522870001009774,
  "gcor": 0.0925132,
  "gsr_x": 0.0023853119928389788,
  "gsr_y": 0.022150997072458267,
  "provenance": {
    "md5sum": "a793fb87045ac2735361b729ed34fd6b",
    "settings": {
      "fd_thres": 0.2,
      "testing": false
    },
    "software": "mriqc",
    "version": "22.0.6",
    "webapi_port": null,
    "webapi_url": "https://mriqc.nimh.nih.gov/api/v1"
  },
  "size_t": 199,
  "size_x": 64,
  "size_y": 64,
  "size_z": 48,
  "snr": 4.428129184974439,
  "spacing_tr": 3.0,
  "spacing_x": 3.4375,
  "spacing_y": 3.4375,
  "spacing_z": 3.4000015258789062,
  "summary_bg_k": 22.968728441249635,
  "summary_bg_mad": 11.64475951306194,
  "summary_bg_mean": 130.23377990722656,
  "summary_bg_median": 35.100502014160156,
  "summary_bg_n": 137705.0,
  "summary_bg_p05": 24.909547805786133,
  "summary_bg_p95": 657.615063476562,
  "summary_bg_stdv": 262.878173828125,
  "summary_fg_k": 1.7403569216567494,
  "summary_fg_mad": 520.847642802943,
  "summary_fg_mean": 2686.570068359375,
  "summary_fg_median": 2615.341796875,
  "summary_fg_n": 22867.0,
  "summary_fg_p05": 1826.660791015625,
  "summary_fg_p95": 3720.8798095703137,
  "summary_fg_stdv": 590.6071166992188,
  "tsnr": 99.67374810762703
}