{
  "aor": 0.030393333333333335,
  "aqi": 0.0012540485555555556,
  "bids_meta": {
    "AcquisitionMatrixPE": 64,
    "AcquisitionNumber": 1,
    "AcquisitionTime": "15:05:39.000000",
    "BodyPartExamined": "BRAIN",
    "CoilString": "32Ch Head",
    "ConversionSoftware": "dcm2niix",
    "ConversionSoftwareVersion": "v1.0.20211006",
    "Dcm2bidsVersion": "2.1.6",
    "DeviceSerialNumber": "000301496MR3T6MR",
    "EchoTime": 0.0169,
    "EffectiveEchoSpacing": 0.000416,
    "FlipAngle": 90,
    "ImageOrientationPatientDICOM": [
      1,
      0,
      0,
      0,
      1,
      0
    ],
    "ImageType": [
      "ORIGINAL",
      "PRIMARY",
      "OTHER"
    ],
    "ImagingFrequency": 127.697,
    "InPlanePhaseEncodingDirectionDICOM": "COL",
    "InstitutionName": "NIH FMRIF",
    "InternalPulseSequenceName": "EPI",
    "MRAcquisitionType": "2D",
    "MagneticFieldStrength": 3,
    "Manufacturer": "GE",
    "ManufacturersModelName": "DISCOVERY MR750",
    "Modality": "MR",
    "PatientPosition": "HFS",
    "PercentPhaseFOV": 100,
    "PercentSampling": 100,
    "PhaseEncodingDirection": "j",
    "PhaseEncodingPolarityGE": "Flipped",
    "PixelBandwidth": 7812.5,
    "ProcedureStepDescription": "MRI Brain",
    "ProtocolName": "ADNI3 FMRIF Enhanced Pro",
    "PulseSequenceName": "epi",
    "ReconMatrixPE": 64,
    "RepetitionTime": 3,
    "SAR": 0.152198,
    "ScanOptions": "MP_GEMS\\EPI_GEMS\\PFF",
    "ScanningSequence": "EP\\GR",
    "SequenceVariant": "SS",
    "SeriesDescription": "Axial rsfMRI reverse blip - RKV",
    "SeriesNumber": 11,
    "SliceThickness": 3.4,
    "SliceTiming": [
      0,
      1.5,
      0.0625,
      1.5625,
      0.125,
      1.625,
      0.1875,
      1.6875,
      0.25,
      1.75,
      0.3125,
      1.8125,
      0.375,
      1.875,
      0.4375,
      1.9375,
      0.5,
      2,
      0.5625,
      2.0625,
      0.625,
      2.125,
      0.6875,
      2.1875,
      0.75,
      2.25,
      0.8125,
      2.3125,
      0.875,
      2.375,
      0.9375,
      2.4375,
      1,
      2.5,
      1.0625,
      2.5625,
      1.125,
      2.625,
      1.1875,
      2.6875,
      1.25,
      2.75,
      1.3125,
      2.8125,
      1.375,
      2.875,
      1.4375,
      2.9375
    ],
    "SoftwareVersions": "27\\LX\\MR Software release:DV26.0_R01_1725.a",
    "SpacingBetweenSlices": 3.4,
    "StationName": "fmrif3tb",
    "TaskName": "Resting state with reverse blip.",
    "TotalReadoutTime": 0.026208,
    "TriggerDelayTime": 29938,
    "dataset": "ds004215",
    "modality": "bold",
    "session_id": "01",
    "subject_id": "ON79309",
    "task_id": "rest"
  },
  "dummy_trs": 1,
  "dvars_nstd": 12.79732310875,
  "dvars_std": 1.3682341275,
  "dvars_vstd": 1.2845132350000001,
  "efc": 0.44322829764092364,
  "fber": 5704.98486328125,
  "fd_mean": 0.07121785609399268,
  "fd_num": 0,
  "fd_perc": 0.0,
  "fwhm_avg": 2.5312185219639085,
  "fwhm_x": 2.497405090909091,
  "fwhm_y": 2.3654458181818185,
  "fwhm_z": 2.7308046568008164,
  "gcor": 0.0486105,
  "gsr_x": 0.0027367831207811832,
  "gsr_y": 0.02243599109351635,
  "provenance": {
    "md5sum": "edd6cb292b924f95d94616c0c1f5e746",
    "settings": {
      "fd_thres": 0.2,
      "testing": false
    },
    "software": "mriqc",
    "version": "22.0.6",
    "webapi_port": null,
    "webapi_url": "https://mriqc.nimh.nih.gov/api/v1"
  },
  "size_t": 9,
  "size_x": 64,
  "size_y": 64,
  "size_z": 48,
  "snr": 4.3725785199909035,
  "spacing_tr": 3.0,
  "spacing_x": 3.4375,
  "spacing_y": 3.4375,
  "spacing_z": 3.4000015258789062,
  "summary_bg_k": 23.523350616962045,
  "summary_bg_mad": 11.03715299091872,
  "summary_bg_mean": 129.49061584472656,
  "summary_bg_median": 34.55555725097656,
  "summary_bg_n": 137166.0,
  "summary_bg_p05": 24.88888931274414,
  "summary_bg_p95": 660.2222290039062,
  "summary_bg_stdv": 263.1843566894531,
  "summary_fg_k": 1.7937702896101246,
  "summary_fg_mad": 524.8411853509831,
  "summary_fg_mean": 2688.4033203125,
  "summary_fg_median": 2615.5556640625,
  "summary_fg_n": 22991.0,
  "summary_fg_p05": 1823.1111450195312,
  "summary_fg_p95": 3738.388916015625,
  "summary_fg_stdv": 598.1593627929688,
  "tsnr": 191.41371400281787
}