{
  "bids_meta": {
    "AcquisitionMatrixPE": 256,
    "AcquisitionNumber": 1,
    "AcquisitionTime": "14:03:10.000000",
    "BodyPartExamined": "BRAIN",
    "CoilString": "32Ch Head",
    "ConversionSoftware": "dcm2niix",
    "ConversionSoftwareVersion": "v1.0.20211006",
    "Dcm2bidsVersion": "2.1.6",
    "DeviceSerialNumber": "000301496MR3T6MR",
    "EchoTime": 0.003036,
    "FlipAngle": 11,
    "ImageOrientationPatientDICOM": [
      0,
      1,
      0,
      0,
      0,
      -1
    ],
    "ImageType": [
      "ORIGINAL",
      "PRIMARY",
      "OTHER"
    ],
    "ImagingFrequency": 127.697,
    "InPlanePhaseEncodingDirectionDICOM": "ROW",
    "InstitutionName": "NIH FMRIF",
    "InversionTime": 0.4,
    "MRAcquisitionType": "3D",
    "MagneticFieldStrength": 3,
    "Manufacturer": "GE",
    "ManufacturersModelName": "DISCOVERY MR750",
    "Modality": "MR",
    "ParallelReductionFactorInPlane": 1.72974,
    "PatientPosition": "HFS",
    "PercentPhaseFOV": 100,
    "PercentSampling": 100,
    "PixelBandwidth": 244.141,
    "ProcedureStepDescription": "MRI Brain",
    "ProtocolName": "ADNI3 FMRIF Enhanced Pro",
    "ReconMatrixPE": 256,
    "RepetitionTime": 0.007348,
    "SAR": 0.14942,
    "ScanOptions": "FAST_GEMS\\EDR_GEMS\\FILTERED_GEMS\\ACC_GEMS\\IR_GEMS",
    "ScanningSequence": "GR",
    "SequenceVariant": "SS\\SP\\SK",
    "SeriesDescription": "Accelerated Sagittal IR-FSPGR",
    "SeriesNumber": 3,
    "SliceThickness": 1.2,
    "SoftwareVersions": "27\\LX\\MR Software release:DV26.0_EB_1707.b",
    "SpacingBetweenSlices": 1.2,
    "SpoilingState": true,
    "StationName": "fmrif3tb",
    "acq_id": "FSPGR",
    "dataset": "ds004215",
    "modality": "T1w",
    "rec_id": "SCIC",
    "session_id": "01",
    "subject_id": "ON92067"
  },
  "cjv": 0.289799105230299,
  "cnr": 4.670951164838434,
  "efc": 0.5560673185671047,
  "fber": -1.0,
  "fwhm_avg": 3.5065432779862,
  "fwhm_x": 3.2256126952640716,
  "fwhm_y": 3.834331975832625,
  "fwhm_z": 3.4596851628619043,
  "icvs_csf": 0.22315787673747267,
  "icvs_gm": 0.45932038402658615,
  "icvs_wm": 0.3175217392359412,
  "inu_med": 0.5959384441375732,
  "inu_range": 0.16171808838844304,
  "provenance": {
    "md5sum": "d3d9904ffe558baa75019f1fcdc40dd2",
    "settings": {
      "testing": false
    },
    "software": "mriqc",
    "version": "22.0.6",
    "warnings": {
      "large_rot_frame": true,
      "small_air_mask": false
    },
    "webapi_port": null,
    "webapi_url": "https://mriqc.nimh.nih.gov/api/v1"
  },
  "qi_1": 0.0,
  "qi_2": 0.004380337621022854,
  "rpve_csf": 35.474038533581606,
  "rpve_gm": 18.219620701751875,
  "rpve_wm": 29.428088072144398,
  "size_x": 196,
  "size_y": 256,
  "size_z": 256,
  "snr_csf": 1.873506675111626,
  "snr_gm": 10.097494893351396,
  "snr_total": 11.218698351200713,
  "snr_wm": 21.685093485139113,
  "snrd_csf": 12.509466247179887,
  "snrd_gm": 39.02591014131644,
  "snrd_total": 37.726318241828636,
  "snrd_wm": 61.64357833698957,
  "spacing_x": 1.2000045776367188,
  "spacing_y": 1.0547000169754028,
  "spacing_z": 1.0547000169754028,
  "summary_bg_k": 13.909865197447367,
  "summary_bg_mad": 0.0,
  "summary_bg_mean": 6.174803208003444,
  "summary_bg_median": 0.0,
  "summary_bg_n": 1111009.0,
  "summary_bg_p05": 0.0,
  "summary_bg_p95": 26.033810067921877,
  "summary_bg_stdv": 10.62781300341782,
  "summary_csf_k": 1.36316809201778,
  "summary_csf_mad": 91.41882406120355,
  "summary_csf_mean": 221.08174711901506,
  "summary_csf_median": 202.9321955665946,
  "summary_csf_n": 14850.0,
  "summary_csf_p05": 75.78043673560023,
  "summary_csf_p95": 438.07010966520755,
  "summary_csf_stdv": 108.31312501494745,
  "summary_gm_k": 0.11098739010354208,
  "summary_gm_mad": 62.22674034278912,
  "summary_gm_mean": 631.4689742164187,
  "summary_gm_median": 633.0896516665816,
  "summary_gm_n": 26572.0,
  "summary_gm_p05": 526.5386440267787,
  "summary_gm_p95": 732.4668553285301,
  "summary_gm_stdv": 62.69651488016254,
  "summary_wm_k": 0.395078703748744,
  "summary_wm_mad": 44.1035606669169,
  "summary_wm_mean": 997.8079507378144,
  "summary_wm_median": 1000.0000357590616,
  "summary_wm_n": 113621.0,
  "summary_wm_p05": 917.2566186189651,
  "summary_wm_p95": 1069.5137901306152,
  "summary_wm_stdv": 46.114425830793046,
  "tpm_overlap_csf": 0.14856172841335777,
  "tpm_overlap_gm": 0.4799904565806296,
  "tpm_overlap_wm": 0.49051466954729134,
  "wm2max": 0.44872828856400193
}