{
  "aor": 0.04348333333333333,
  "aqi": 0.0005638134444444445,
  "bids_meta": {
    "AcquisitionMatrixPE": 64,
    "AcquisitionNumber": 1,
    "AcquisitionTime": "16:46:0.000000",
    "BodyPartExamined": "BRAIN",
    "CoilString": "32Ch Head",
    "ConversionSoftware": "dcm2niix",
    "ConversionSoftwareVersion": "v1.0.20211006",
    "Dcm2bidsVersion": "2.1.6",
    "DeviceSerialNumber": "000301496MR3T6MR",
    "EchoTime": 0.0169,
    "EffectiveEchoSpacing": 0.000416,
    "FlipAngle": 90,
    "ImageOrientationPatientDICOM": [
      1,
      0,
      0,
      0,
      1,
      0
    ],
    "ImageType": [
      "ORIGINAL",
      "PRIMARY",
      "OTHER"
    ],
    "ImagingFrequency": 127.697,
    "InPlanePhaseEncodingDirectionDICOM": "COL",
    "InstitutionName": "NIH FMRIF",
    "InternalPulseSequenceName": "EPI",
    "MRAcquisitionType": "2D",
    "MagneticFieldStrength": 3,
    "Manufacturer": "GE",
    "ManufacturersModelName": "DISCOVERY MR750",
    "Modality": "MR",
    "PatientPosition": "HFS",
    "PercentPhaseFOV": 100,
    "PercentSampling": 100,
    "PhaseEncodingDirection": "j",
    "PhaseEncodingPolarityGE": "Flipped",
    "PixelBandwidth": 7812.5,
    "ProcedureStepDescription": "MRI Brain",
    "ProtocolName": "ADNI3 FMRIF Enhanced Pro",
    "PulseSequenceName": "epi",
    "ReconMatrixPE": 64,
    "RepetitionTime": 3,
    "SAR": 0.156269,
    "ScanOptions": "MP_GEMS\\EPI_GEMS\\PFF",
    "ScanningSequence": "EP\\GR",
    "SequenceVariant": "SS",
    "SeriesDescription": "Axial rsfMRI reverse blip - RKV",
    "SeriesNumber": 11,
    "SliceThickness": 3.4,
    "SliceTiming": [
      0,
      1.5,
      0.0625,
      1.5625,
      0.125,
      1.625,
      0.1875,
      1.6875,
      0.25,
      1.75,
      0.3125,
      1.8125,
      0.375,
      1.875,
      0.4375,
      1.9375,
      0.5,
      2,
      0.5625,
      2.0625,
      0.625,
      2.125,
      0.6875,
      2.1875,
      0.75,
      2.25,
      0.8125,
      2.3125,
      0.875,
      2.375,
      0.9375,
      2.4375,
      1,
      2.5,
      1.0625,
      2.5625,
      1.125,
      2.625,
      1.1875,
      2.6875,
      1.25,
      2.75,
      1.3125,
      2.8125,
      1.375,
      2.875,
      1.4375,
      2.9375
    ],
    "SoftwareVersions": "27\\LX\\MR Software release:DV26.0_R03_1831.b",
    "SpacingBetweenSlices": 3.4,
    "StationName": "FMRI3tb",
    "TaskName": "Resting state with reverse blip.",
    "TotalReadoutTime": 0.026208,
    "TriggerDelayTime": 29938,
    "dataset": "ds004215",
    "modality": "bold",
    "session_id": "01",
    "subject_id": "ON33159",
    "task_id": "rest"
  },
  "dummy_trs": 1,
  "dvars_nstd": 12.786864877499998,
  "dvars_std": 1.5229390562500003,
  "dvars_vstd": 1.5091654962499998,
  "efc": 0.4658658266879165,
  "fber": 4767.94775390625,
  "fd_mean": 0.07010977511533253,
  "fd_num": 0,
  "fd_perc": 0.0,
  "fwhm_avg": 2.721422083535033,
  "fwhm_x": 2.674941090909091,
  "fwhm_y": 2.5445323636363635,
  "fwhm_z": 2.9447927960596436,
  "gcor": 0.0212714,
  "gsr_x": 0.0009184760856442153,
  "gsr_y": 0.021572984755039215,
  "provenance": {
    "md5sum": "f567fd6906164c4eb2d3c83ba706afe6",
    "settings": {
      "fd_thres": 0.2,
      "testing": false
    },
    "software": "mriqc",
    "version": "22.0.6",
    "webapi_port": null,
    "webapi_url": "https://mriqc.nimh.nih.gov/api/v1"
  },
  "size_t": 9,
  "size_x": 64,
  "size_y": 64,
  "size_z": 48,
  "snr": 3.903489248260573,
  "spacing_tr": 3.0,
  "spacing_x": 3.4375,
  "spacing_y": 3.4375,
  "spacing_z": 3.4000015258789062,
  "summary_bg_k": 16.665989901353676,
  "summary_bg_mad": 11.366616065929843,
  "summary_bg_mean": 141.6815948486328,
  "summary_bg_median": 35.33333206176758,
  "summary_bg_n": 133553.0,
  "summary_bg_p05": 23.88888931274414,
  "summary_bg_p95": 770.4888916015618,
  "summary_bg_stdv": 286.2167053222656,
  "summary_fg_k": 2.2726649689751737,
  "summary_fg_mad": 523.6881508375432,
  "summary_fg_mean": 2502.221435546875,
  "summary_fg_median": 2411.22216796875,
  "summary_fg_n": 26844.0,
  "summary_fg_p05": 1646.2389526367188,
  "summary_fg_p95": 3633.6278320312485,
  "summary_fg_stdv": 617.6979370117188,
  "tsnr": 208.50182735919952
}