{
  "aor": 0.03644777777777777,
  "aqi": 0.0009809928888888887,
  "bids_meta": {
    "AcquisitionMatrixPE": 64,
    "AcquisitionNumber": 1,
    "AcquisitionTime": "11:16:1.000000",
    "BodyPartExamined": "BRAIN",
    "CoilString": "32Ch Head",
    "ConversionSoftware": "dcm2niix",
    "ConversionSoftwareVersion": "v1.0.20211006",
    "Dcm2bidsVersion": "2.1.6",
    "DeviceSerialNumber": "000301496mr3T5mr",
    "EchoTime": 0.0169,
    "EffectiveEchoSpacing": 0.000416,
    "FlipAngle": 90,
    "ImageOrientationPatientDICOM": [
      1,
      0,
      0,
      0,
      1,
      0
    ],
    "ImageType": [
      "ORIGINAL",
      "PRIMARY",
      "OTHER"
    ],
    "ImagingFrequency": 127.824,
    "InPlanePhaseEncodingDirectionDICOM": "COL",
    "InstitutionName": "NIH FMRIF",
    "InternalPulseSequenceName": "EPI",
    "MRAcquisitionType": "2D",
    "MagneticFieldStrength": 3,
    "Manufacturer": "GE",
    "ManufacturersModelName": "DISCOVERY MR750",
    "Modality": "MR",
    "PatientPosition": "HFS",
    "PercentPhaseFOV": 100,
    "PercentSampling": 100,
    "PhaseEncodingDirection": "j",
    "PhaseEncodingPolarityGE": "Flipped",
    "PixelBandwidth": 7812.5,
    "ProcedureStepDescription": "MRI Brain",
    "ProtocolName": "ADNI3 FMRIF Enhanced Pro",
    "PulseSequenceName": "epi",
    "ReconMatrixPE": 64,
    "RepetitionTime": 3,
    "SAR": 0.196465,
    "ScanOptions": "MP_GEMS\\EPI_GEMS\\PFF",
    "ScanningSequence": "EP\\GR",
    "SequenceVariant": "SS",
    "SeriesDescription": "Axial rsfMRI reverse blip - RKV",
    "SeriesNumber": 11,
    "SliceThickness": 3.4,
    "SliceTiming": [
      0,
      1.5,
      0.0625,
      1.5625,
      0.125,
      1.625,
      0.1875,
      1.6875,
      0.25,
      1.75,
      0.3125,
      1.8125,
      0.375,
      1.875,
      0.4375,
      1.9375,
      0.5,
      2,
      0.5625,
      2.0625,
      0.625,
      2.125,
      0.6875,
      2.1875,
      0.75,
      2.25,
      0.8125,
      2.3125,
      0.875,
      2.375,
      0.9375,
      2.4375,
      1,
      2.5,
      1.0625,
      2.5625,
      1.125,
      2.625,
      1.1875,
      2.6875,
      1.25,
      2.75,
      1.3125,
      2.8125,
      1.375,
      2.875,
      1.4375,
      2.9375
    ],
    "SoftwareVersions": "27\\LX\\MR Software release:DV26.0_R03_1831.b",
    "SpacingBetweenSlices": 3.4,
    "StationName": "FMRI3ta",
    "TaskName": "Resting state with reverse blip.",
    "TotalReadoutTime": 0.026208,
    "TriggerDelayTime": 29938,
    "dataset": "ds004215",
    "modality": "bold",
    "session_id": "01",
    "subject_id": "ON71932",
    "task_id": "rest"
  },
  "dummy_trs": 1,
  "dvars_nstd": 16.746407509999997,
  "dvars_std": 2.10826414875,
  "dvars_vstd": 1.346297815,
  "efc": 0.5047323757896729,
  "fber": 3315.261962890625,
  "fd_mean": 0.06397780056478132,
  "fd_num": 0,
  "fd_perc": 0.0,
  "fwhm_avg": 2.6791219140528804,
  "fwhm_x": 2.0071534545454544,
  "fwhm_y": 2.807677090909091,
  "fwhm_z": 3.222535196704096,
  "gcor": 0.00973255,
  "gsr_x": -0.02157197706401348,
  "gsr_y": 0.04580783471465111,
  "provenance": {
    "md5sum": "afd66c738ecdc9b210d77a46ca6daf41",
    "settings": {
      "fd_thres": 0.2,
      "testing": false
    },
    "software": "mriqc",
    "version": "22.0.6",
    "webapi_port": null,
    "webapi_url": "https://mriqc.nimh.nih.gov/api/v1"
  },
  "size_t": 9,
  "size_x": 64,
  "size_y": 64,
  "size_z": 48,
  "snr": 3.7980803255974163,
  "spacing_tr": 3.0,
  "spacing_x": 3.4375,
  "spacing_y": 3.4375,
  "spacing_z": 3.399993896484375,
  "summary_bg_k": 17.515386026374554,
  "summary_bg_mad": 14.002357427929923,
  "summary_bg_mean": 169.3168182373047,
  "summary_bg_median": 37.55555725097656,
  "summary_bg_n": 125577.0,
  "summary_bg_p05": 23.88888931274414,
  "summary_bg_p95": 890.6666870117188,
  "summary_bg_stdv": 361.9964599609375,
  "summary_fg_k": 1.2637887457487285,
  "summary_fg_mad": 493.3771520390158,
  "summary_fg_mean": 2233.281005859375,
  "summary_fg_median": 2233.888916015625,
  "summary_fg_n": 27448.0,
  "summary_fg_p05": 1263.3333740234375,
  "summary_fg_p95": 3165.4056152343746,
  "summary_fg_stdv": 588.1519165039062,
  "tsnr": 193.5643514059484
}