{
  "aor": 0.0053705527638190954,
  "aqi": 0.0020770332160804017,
  "bids_meta": {
    "AcquisitionMatrixPE": 64,
    "AcquisitionNumber": 1,
    "AcquisitionTime": "15:55:46.000000",
    "BodyPartExamined": "BRAIN",
    "CoilString": "32Ch Head",
    "ConversionSoftware": "dcm2niix",
    "ConversionSoftwareVersion": "v1.0.20211006",
    "Dcm2bidsVersion": "2.1.6",
    "DeviceSerialNumber": "000301496MR3T6MR",
    "EchoTime": 0.0169,
    "EffectiveEchoSpacing": 0.000416,
    "FlipAngle": 90,
    "ImageOrientationPatientDICOM": [
      1,
      0,
      0,
      0,
      1,
      0
    ],
    "ImageType": [
      "ORIGINAL",
      "PRIMARY",
      "OTHER"
    ],
    "ImagingFrequency": 127.697,
    "InPlanePhaseEncodingDirectionDICOM": "COL",
    "InstitutionName": "NIH FMRIF",
    "InternalPulseSequenceName": "EPI",
    "MRAcquisitionType": "2D",
    "MagneticFieldStrength": 3,
    "Manufacturer": "GE",
    "ManufacturersModelName": "DISCOVERY MR750",
    "Modality": "MR",
    "PatientPosition": "HFS",
    "PercentPhaseFOV": 100,
    "PercentSampling": 100,
    "PhaseEncodingDirection": "j",
    "PhaseEncodingPolarityGE": "Flipped",
    "PixelBandwidth": 7812.5,
    "ProcedureStepDescription": "MRI Brain",
    "ProtocolName": "ADNI3 FMRIF Enhanced Pro",
    "PulseSequenceName": "epi",
    "ReconMatrixPE": 64,
    "RepetitionTime": 3,
    "SAR": 0.164476,
    "ScanOptions": "MP_GEMS\\EPI_GEMS\\PFF",
    "ScanningSequence": "EP\\GR",
    "SequenceVariant": "SS",
    "SeriesDescription": "Axial rsfMRI with Eyes Open - RKV",
    "SeriesNumber": 10,
    "SliceThickness": 3.4,
    "SliceTiming": [
      0,
      1.5,
      0.0625,
      1.5625,
      0.125,
      1.625,
      0.1875,
      1.6875,
      0.25,
      1.75,
      0.3125,
      1.8125,
      0.375,
      1.875,
      0.4375,
      1.9375,
      0.5,
      2,
      0.5625,
      2.0625,
      0.625,
      2.125,
      0.6875,
      2.1875,
      0.75,
      2.25,
      0.8125,
      2.3125,
      0.875,
      2.375,
      0.9375,
      2.4375,
      1,
      2.5,
      1.0625,
      2.5625,
      1.125,
      2.625,
      1.1875,
      2.6875,
      1.25,
      2.75,
      1.3125,
      2.8125,
      1.375,
      2.875,
      1.4375,
      2.9375
    ],
    "SoftwareVersions": "27\\LX\\MR Software release:DV26.0_R03_1831.b",
    "SpacingBetweenSlices": 3.4,
    "StationName": "FMRI3tb",
    "TaskName": "Resting state with eyes open.",
    "TotalReadoutTime": 0.026208,
    "TriggerDelayTime": 599938,
    "dataset": "ds004215",
    "modality": "bold",
    "session_id": "01",
    "subject_id": "ON58053",
    "task_id": "rest"
  },
  "dummy_trs": 1,
  "dvars_nstd": 12.188993237323233,
  "dvars_std": 1.269857047323232,
  "dvars_vstd": 1.0279391211111113,
  "efc": 0.4664588039452331,
  "fber": 5116.09716796875,
  "fd_mean": 0.08201377671486058,
  "fd_num": 8,
  "fd_perc": 4.0201005025125625,
  "fwhm_avg": 2.682518089059202,
  "fwhm_x": 2.578318545454546,
  "fwhm_y": 2.513707636363636,
  "fwhm_z": 2.955528085359423,
  "gcor": 0.0437924,
  "gsr_x": -0.015080362558364868,
  "gsr_y": 0.058354951441287994,
  "provenance": {
    "md5sum": "46a467df2b6eeda22a9624d650fafbed",
    "settings": {
      "fd_thres": 0.2,
      "testing": false
    },
    "software": "mriqc",
    "version": "22.0.6",
    "webapi_port": null,
    "webapi_url": "https://mriqc.nimh.nih.gov/api/v1"
  },
  "size_t": 199,
  "size_x": 64,
  "size_y": 64,
  "size_z": 48,
  "snr": 4.022234362984171,
  "spacing_tr": 3.0,
  "spacing_x": 3.4375,
  "spacing_y": 3.4375,
  "spacing_z": 3.4000015258789062,
  "summary_bg_k": 21.178939282935584,
  "summary_bg_mad": 9.797094550415332,
  "summary_bg_mean": 146.12722778320312,
  "summary_bg_median": 34.31658172607422,
  "summary_bg_n": 133438.0,
  "summary_bg_p05": 24.206029891967773,
  "summary_bg_p95": 826.0439849853515,
  "summary_bg_stdv": 308.2704772949219,
  "summary_fg_k": 2.0499081695598607,
  "summary_fg_mad": 510.2944179539098,
  "summary_fg_mean": 2531.569580078125,
  "summary_fg_median": 2436.39697265625,
  "summary_fg_n": 26854.0,
  "summary_fg_p05": 1712.701025390625,
  "summary_fg_p95": 3643.638208007812,
  "summary_fg_stdv": 605.720947265625,
  "tsnr": 121.73873121291399
}