{
  "aor": 0.012234422110552763,
  "aqi": 0.0034095191859296486,
  "bids_meta": {
    "AcquisitionMatrixPE": 64,
    "AcquisitionNumber": 1,
    "AcquisitionTime": "14:49:23.000000",
    "BodyPartExamined": "BRAIN",
    "CoilString": "32Ch Head",
    "ConversionSoftware": "dcm2niix",
    "ConversionSoftwareVersion": "v1.0.20211006",
    "Dcm2bidsVersion": "2.1.6",
    "DeviceSerialNumber": "000301496MR3T6MR",
    "EchoTime": 0.0169,
    "EffectiveEchoSpacing": 0.000416,
    "FlipAngle": 90,
    "ImageOrientationPatientDICOM": [
      1,
      0,
      0,
      0,
      1,
      0
    ],
    "ImageType": [
      "ORIGINAL",
      "PRIMARY",
      "OTHER"
    ],
    "ImagingFrequency": 127.697,
    "InPlanePhaseEncodingDirectionDICOM": "COL",
    "InstitutionName": "NIH FMRIF",
    "InternalPulseSequenceName": "EPI",
    "MRAcquisitionType": "2D",
    "MagneticFieldStrength": 3,
    "Manufacturer": "GE",
    "ManufacturersModelName": "DISCOVERY MR750",
    "Modality": "MR",
    "PatientPosition": "HFS",
    "PercentPhaseFOV": 100,
    "PercentSampling": 100,
    "PhaseEncodingDirection": "j",
    "PhaseEncodingPolarityGE": "Flipped",
    "PixelBandwidth": 7812.5,
    "ProcedureStepDescription": "MRI Brain",
    "ProtocolName": "ADNI3 FMRIF Enhanced Pro",
    "PulseSequenceName": "epi",
    "ReconMatrixPE": 64,
    "RepetitionTime": 3,
    "SAR": 0.149967,
    "ScanOptions": "MP_GEMS\\EPI_GEMS\\PFF",
    "ScanningSequence": "EP\\GR",
    "SequenceVariant": "SS",
    "SeriesDescription": "Axial rsfMRI with Eyes Open - RKV",
    "SeriesNumber": 11,
    "SliceThickness": 3.4,
    "SliceTiming": [
      0,
      1.5,
      0.0625,
      1.5625,
      0.125,
      1.625,
      0.1875,
      1.6875,
      0.25,
      1.75,
      0.3125,
      1.8125,
      0.375,
      1.875,
      0.4375,
      1.9375,
      0.5,
      2,
      0.5625,
      2.0625,
      0.625,
      2.125,
      0.6875,
      2.1875,
      0.75,
      2.25,
      0.8125,
      2.3125,
      0.875,
      2.375,
      0.9375,
      2.4375,
      1,
      2.5,
      1.0625,
      2.5625,
      1.125,
      2.625,
      1.1875,
      2.6875,
      1.25,
      2.75,
      1.3125,
      2.8125,
      1.375,
      2.875,
      1.4375,
      2.9375
    ],
    "SoftwareVersions": "27\\LX\\MR Software release:DV26.0_R01_1725.a",
    "SpacingBetweenSlices": 3.4,
    "StationName": "fmrif3tb",
    "TaskName": "Resting state with eyes open.",
    "TotalReadoutTime": 0.026208,
    "TriggerDelayTime": 599938,
    "dataset": "ds004215",
    "modality": "bold",
    "session_id": "01",
    "subject_id": "ON56044",
    "task_id": "rest"
  },
  "dummy_trs": 1,
  "dvars_nstd": 18.471272560050497,
  "dvars_std": 1.238076338333333,
  "dvars_vstd": 1.0374035016161618,
  "efc": 0.4500354073277946,
  "fber": 5520.4560546875,
  "fd_mean": 0.2708172431348907,
  "fd_num": 102,
  "fd_perc": 51.256281407035175,
  "fwhm_avg": 2.6079745157216467,
  "fwhm_x": 2.5417076363636366,
  "fwhm_y": 2.475528727272727,
  "fwhm_z": 2.806687183528575,
  "gcor": 0.128828,
  "gsr_x": -0.02144508995115757,
  "gsr_y": 0.044303104281425476,
  "provenance": {
    "md5sum": "b7303a21802aa13230af0ab98885a810",
    "settings": {
      "fd_thres": 0.2,
      "testing": false
    },
    "software": "mriqc",
    "version": "22.0.6",
    "webapi_port": null,
    "webapi_url": "https://mriqc.nimh.nih.gov/api/v1"
  },
  "size_t": 199,
  "size_x": 64,
  "size_y": 64,
  "size_z": 48,
  "snr": 4.713656527128697,
  "spacing_tr": 3.0,
  "spacing_x": 3.4375,
  "spacing_y": 3.4375,
  "spacing_z": 3.3999977111816406,
  "summary_bg_k": 12.465102926561462,
  "summary_bg_mad": 12.002370900609312,
  "summary_bg_mean": 140.61151123046875,
  "summary_bg_median": 35.30150604248047,
  "summary_bg_n": 137903.0,
  "summary_bg_p05": 22.532663345336914,
  "summary_bg_p95": 775.0683410644527,
  "summary_bg_stdv": 267.969482421875,
  "summary_fg_k": 0.5741001850934353,
  "summary_fg_mad": 507.93278754017933,
  "summary_fg_mean": 2663.00927734375,
  "summary_fg_median": 2583.87939453125,
  "summary_fg_n": 23956.0,
  "summary_fg_p05": 1905.017578125,
  "summary_fg_p95": 3687.115478515625,
  "summary_fg_stdv": 548.1573486328125,
  "tsnr": 76.8674840494059
}