{
  "aor": 0.04707777777777779,
  "aqi": 0.0009043551111111111,
  "bids_meta": {
    "AcquisitionMatrixPE": 64,
    "AcquisitionNumber": 1,
    "AcquisitionTime": "15:00:20.000000",
    "BodyPartExamined": "BRAIN",
    "CoilString": "32Ch Head",
    "ConversionSoftware": "dcm2niix",
    "ConversionSoftwareVersion": "v1.0.20211006",
    "Dcm2bidsVersion": "2.1.6",
    "DeviceSerialNumber": "000301496MR3T6MR",
    "EchoTime": 0.0169,
    "EffectiveEchoSpacing": 0.000416,
    "FlipAngle": 90,
    "ImageOrientationPatientDICOM": [
      1,
      0,
      0,
      0,
      1,
      0
    ],
    "ImageType": [
      "ORIGINAL",
      "PRIMARY",
      "OTHER"
    ],
    "ImagingFrequency": 127.697,
    "InPlanePhaseEncodingDirectionDICOM": "COL",
    "InstitutionName": "NIH FMRIF",
    "InternalPulseSequenceName": "EPI",
    "MRAcquisitionType": "2D",
    "MagneticFieldStrength": 3,
    "Manufacturer": "GE",
    "ManufacturersModelName": "DISCOVERY MR750",
    "Modality": "MR",
    "PatientPosition": "HFS",
    "PercentPhaseFOV": 100,
    "PercentSampling": 100,
    "PhaseEncodingDirection": "j-",
    "PhaseEncodingPolarityGE": "Unflipped",
    "PixelBandwidth": 7812.5,
    "ProcedureStepDescription": "MRI Brain",
    "ProtocolName": "ADNI3 FMRIF Enhanced Pro",
    "PulseSequenceName": "epi",
    "ReconMatrixPE": 64,
    "RepetitionTime": 3,
    "SAR": 0.14963,
    "ScanOptions": "MP_GEMS\\EPI_GEMS\\PFF",
    "ScanningSequence": "EP\\GR",
    "SequenceVariant": "SS",
    "SeriesDescription": "Axial rsfMRI reverse blip - RKV",
    "SeriesNumber": 12,
    "SliceThickness": 3.4,
    "SliceTiming": [
      0,
      1.5,
      0.0625,
      1.5625,
      0.125,
      1.625,
      0.1875,
      1.6875,
      0.25,
      1.75,
      0.3125,
      1.8125,
      0.375,
      1.875,
      0.4375,
      1.9375,
      0.5,
      2,
      0.5625,
      2.0625,
      0.625,
      2.125,
      0.6875,
      2.1875,
      0.75,
      2.25,
      0.8125,
      2.3125,
      0.875,
      2.375,
      0.9375,
      2.4375,
      1,
      2.5,
      1.0625,
      2.5625,
      1.125,
      2.625,
      1.1875,
      2.6875,
      1.25,
      2.75,
      1.3125,
      2.8125,
      1.375,
      2.875,
      1.4375,
      2.9375
    ],
    "SoftwareVersions": "27\\LX\\MR Software release:DV26.0_R01_1725.a",
    "SpacingBetweenSlices": 3.4,
    "StationName": "fmrif3tb",
    "TaskName": "Resting state with reverse blip.",
    "TotalReadoutTime": 0.026208,
    "TriggerDelayTime": 29938,
    "dataset": "ds004215",
    "modality": "bold",
    "session_id": "01",
    "subject_id": "ON56044",
    "task_id": "rest"
  },
  "dummy_trs": 1,
  "dvars_nstd": 13.45812737875,
  "dvars_std": 1.508298935,
  "dvars_vstd": 1.5124476249999999,
  "efc": 0.4498091842680977,
  "fber": 5581.7275390625,
  "fd_mean": 0.11419914153051272,
  "fd_num": 2,
  "fd_perc": 22.22222222222222,
  "fwhm_avg": 2.6107459421424273,
  "fwhm_x": 2.580925090909091,
  "fwhm_y": 2.458749090909091,
  "fwhm_z": 2.7925636446091,
  "gcor": 0.0705932,
  "gsr_x": -0.019784729927778244,
  "gsr_y": 0.03749780356884003,
  "provenance": {
    "md5sum": "b7651cebdd1d87890bcae8b932d9e55a",
    "settings": {
      "fd_thres": 0.2,
      "testing": false
    },
    "software": "mriqc",
    "version": "22.0.6",
    "webapi_port": null,
    "webapi_url": "https://mriqc.nimh.nih.gov/api/v1"
  },
  "size_t": 9,
  "size_x": 64,
  "size_y": 64,
  "size_z": 48,
  "snr": 4.7678430280574355,
  "spacing_tr": 3.0,
  "spacing_x": 3.4375,
  "spacing_y": 3.4375,
  "spacing_z": 3.3999977111816406,
  "summary_bg_k": 13.127623592004216,
  "summary_bg_mad": 9.884013847424242,
  "summary_bg_mean": 136.42218017578125,
  "summary_bg_median": 34.33333206176758,
  "summary_bg_n": 137315.0,
  "summary_bg_p05": 24.77777862548828,
  "summary_bg_p95": 758.0,
  "summary_bg_stdv": 267.2843933105469,
  "summary_fg_k": 0.7685735660581297,
  "summary_fg_mad": 475.3387043927202,
  "summary_fg_mean": 2643.399169921875,
  "summary_fg_median": 2553.388916015625,
  "summary_fg_n": 24224.0,
  "summary_fg_p05": 1910.9889099121094,
  "summary_fg_p95": 3667.75557861328,
  "summary_fg_stdv": 535.5327758789062,
  "tsnr": 171.26846212428063
}