{
  "bids_meta": {
    "AcquisitionMatrixPE": 256,
    "AcquisitionNumber": 1,
    "AcquisitionTime": "14:54:23.000000",
    "BodyPartExamined": "BRAIN",
    "CoilString": "32Ch Head",
    "ConversionSoftware": "dcm2niix",
    "ConversionSoftwareVersion": "v1.0.20211006",
    "Dcm2bidsVersion": "2.1.6",
    "DeviceSerialNumber": "000301496MR3T6MR",
    "EchoTime": 0.003036,
    "FlipAngle": 11,
    "ImageOrientationPatientDICOM": [
      0,
      1,
      0,
      0,
      0,
      -1
    ],
    "ImageType": [
      "ORIGINAL",
      "PRIMARY",
      "OTHER"
    ],
    "ImagingFrequency": 127.698,
    "InPlanePhaseEncodingDirectionDICOM": "ROW",
    "InstitutionName": "NIH FMRIF",
    "InversionTime": 0.4,
    "MRAcquisitionType": "3D",
    "MagneticFieldStrength": 3,
    "Manufacturer": "GE",
    "ManufacturersModelName": "DISCOVERY MR750",
    "Modality": "MR",
    "ParallelReductionFactorInPlane": 1.72974,
    "PatientPosition": "HFS",
    "PercentPhaseFOV": 100,
    "PercentSampling": 100,
    "PixelBandwidth": 244.141,
    "ProcedureStepDescription": "MRI Brain",
    "ProtocolName": "ADNI3 FMRIF Enhanced Pro",
    "ReconMatrixPE": 256,
    "RepetitionTime": 0.007348,
    "SAR": 0.154484,
    "ScanOptions": "FAST_GEMS\\EDR_GEMS\\FILTERED_GEMS\\ACC_GEMS\\IR_GEMS",
    "ScanningSequence": "GR",
    "SequenceVariant": "SS\\SP\\SK",
    "SeriesDescription": "Accelerated Sagittal IR-FSPGR",
    "SeriesNumber": 3,
    "SliceThickness": 1.2,
    "SoftwareVersions": "27\\LX\\MR Software release:DV26.0_EB_1707.b",
    "SpacingBetweenSlices": 1.2,
    "SpoilingState": true,
    "StationName": "fmrif3tb",
    "acq_id": "FSPGR",
    "dataset": "ds004215",
    "modality": "T1w",
    "rec_id": "SCIC",
    "session_id": "01",
    "subject_id": "ON17159"
  },
  "cjv": 0.2904309859769507,
  "cnr": 4.608758555755753,
  "efc": 0.5760027453210154,
  "fber": -1.0,
  "fwhm_avg": 3.8366719736917765,
  "fwhm_x": 3.6368009155296726,
  "fwhm_y": 4.161164245152707,
  "fwhm_z": 3.7120507603929487,
  "icvs_csf": 0.21598857016465106,
  "icvs_gm": 0.45900636056647104,
  "icvs_wm": 0.32500506926887784,
  "inu_med": 0.5299825668334961,
  "inu_range": 0.15311932563781744,
  "provenance": {
    "md5sum": "98eec5ce4c46d802461bb049c2e03ab3",
    "settings": {
      "testing": false
    },
    "software": "mriqc",
    "version": "22.0.6",
    "warnings": {
      "large_rot_frame": true,
      "small_air_mask": false
    },
    "webapi_port": null,
    "webapi_url": "https://mriqc.nimh.nih.gov/api/v1"
  },
  "qi_1": 0.0005287631464083325,
  "qi_2": 0.008362497902594345,
  "rpve_csf": 31.666435201833202,
  "rpve_gm": 16.2212348149973,
  "rpve_wm": 26.432031046474606,
  "size_x": 196,
  "size_y": 256,
  "size_z": 256,
  "snr_csf": 2.257749891458332,
  "snr_gm": 10.276596610163665,
  "snr_total": 11.961292974433439,
  "snr_wm": 23.349532421678322,
  "snrd_csf": 20.072597148340613,
  "snrd_gm": 57.898764600887,
  "snrd_total": 55.80454137939788,
  "snrd_wm": 89.44226238896603,
  "spacing_x": 1.1999969482421875,
  "spacing_y": 1.0547000169754028,
  "spacing_z": 1.0547000169754028,
  "summary_bg_k": 21.787423205944574,
  "summary_bg_mad": 0.0,
  "summary_bg_mean": 4.2330245126723165,
  "summary_bg_median": 0.0,
  "summary_bg_n": 851026.0,
  "summary_bg_p05": 0.0,
  "summary_bg_p95": 18.75124017521739,
  "summary_bg_stdv": 7.324685031268326,
  "summary_csf_k": 1.2384058751460634,
  "summary_csf_mad": 91.19783479246232,
  "summary_csf_mean": 230.53174087472473,
  "summary_csf_median": 224.41960463672876,
  "summary_csf_n": 19909.0,
  "summary_csf_p05": 84.91963760480286,
  "summary_csf_p95": 410.8274359799921,
  "summary_csf_stdv": 99.39717826161477,
  "summary_gm_k": 0.2406054634119137,
  "summary_gm_mad": 61.63208512587373,
  "summary_gm_mean": 646.809940283517,
  "summary_gm_median": 647.3311731740832,
  "summary_gm_n": 28804.0,
  "summary_gm_p05": 540.3135131970048,
  "summary_gm_p95": 747.0021170930936,
  "summary_gm_stdv": 62.98971934040829,
  "summary_wm_k": 0.3816859785941782,
  "summary_wm_mad": 40.79387018673583,
  "summary_wm_mean": 999.1426541796361,
  "summary_wm_median": 1000.0000007376075,
  "summary_wm_n": 146900.0,
  "summary_wm_p05": 927.144653107971,
  "summary_wm_p95": 1068.1923415511847,
  "summary_wm_stdv": 42.827264332172206,
  "tpm_overlap_csf": 0.16184298657510332,
  "tpm_overlap_gm": 0.4729654141286766,
  "tpm_overlap_wm": 0.5135373762911706,
  "wm2max": 0.5209005129202495
}