{
  "bids_meta": {
    "AcquisitionMatrixPE": 256,
    "AcquisitionNumber": 1,
    "AcquisitionTime": "15:23:3.000000",
    "BodyPartExamined": "BRAIN",
    "CoilString": "32Ch Head",
    "ConversionSoftware": "dcm2niix",
    "ConversionSoftwareVersion": "v1.0.20211006",
    "Dcm2bidsVersion": "2.1.6",
    "DeviceSerialNumber": "000301496MR3T6MR",
    "EchoTime": 0.06199,
    "EchoTrainLength": 140,
    "FlipAngle": 90,
    "ImageOrientationPatientDICOM": [
      0,
      1,
      0,
      0,
      0,
      -1
    ],
    "ImageType": [
      "ORIGINAL",
      "PRIMARY",
      "OTHER"
    ],
    "ImagingFrequency": 127.698,
    "InPlanePhaseEncodingDirectionDICOM": "ROW",
    "InstitutionName": "NIH FMRIF",
    "MRAcquisitionType": "3D",
    "MagneticFieldStrength": 3,
    "Manufacturer": "GE",
    "ManufacturersModelName": "DISCOVERY MR750",
    "Modality": "MR",
    "ParallelReductionFactorInPlane": 2,
    "PatientPosition": "HFS",
    "PercentPhaseFOV": 100,
    "PercentSampling": 100,
    "PhaseEncodingAxis": "i",
    "PixelBandwidth": 244.141,
    "ProcedureStepDescription": "MRI Brain",
    "ProtocolName": "ADNI3 FMRIF Enhanced Pro",
    "ReconMatrixPE": 256,
    "RepetitionTime": 3.202,
    "SAR": 0.4551,
    "ScanOptions": "SAT_GEMS\\EDR_GEMS\\PROMO_GEMS\\ACC_GEMS\\FS\\FR_GEMS",
    "ScanningSequence": "RM",
    "SequenceVariant": "NONE",
    "SeriesDescription": "Sag_CUBE_T2",
    "SeriesNumber": 8,
    "SliceThickness": 1,
    "SoftwareVersions": "27\\LX\\MR Software release:DV26.0_EB_1707.b",
    "SpacingBetweenSlices": 1,
    "StationName": "fmrif3tb",
    "acq_id": "CUBE",
    "dataset": "ds004215",
    "modality": "T2w",
    "session_id": "01",
    "subject_id": "ON17159"
  },
  "cjv": 0.9710180220871294,
  "cnr": 1.0734044286312194,
  "efc": 0.3843765610019103,
  "fber": 21163.321995464852,
  "fwhm_avg": 2.4721166666666665,
  "fwhm_x": 2.10817,
  "fwhm_y": 2.69961,
  "fwhm_z": 2.60857,
  "icvs_csf": 0.33933394510725684,
  "icvs_gm": 0.1876753245117697,
  "icvs_wm": 0.47299073038097345,
  "inu_med": 0.9138646125793457,
  "inu_range": 0.6518313229084015,
  "provenance": {
    "md5sum": "276affca6f03c1632009c1e31dd3cf85",
    "settings": {
      "testing": false
    },
    "software": "mriqc",
    "version": "22.0.6",
    "warnings": {
      "large_rot_frame": true,
      "small_air_mask": false
    },
    "webapi_port": null,
    "webapi_url": "https://mriqc.nimh.nih.gov/api/v1"
  },
  "qi_1": 0.0,
  "qi_2": 0.02557658793543203,
  "rpve_csf": 15.859981191019251,
  "rpve_gm": 34.34006630790672,
  "rpve_wm": 13.227294868883925,
  "size_x": 204,
  "size_y": 256,
  "size_z": 256,
  "snr_csf": 11.944144135139183,
  "snr_gm": 1.857181592796851,
  "snr_total": 8.5952755413029,
  "snr_wm": 11.984500895972666,
  "snrd_csf": 89.64211970485847,
  "snrd_gm": 148.40903639213604,
  "snrd_total": 100.16644357507074,
  "snrd_wm": 62.44817462821773,
  "spacing_x": 1.0,
  "spacing_y": 1.0,
  "spacing_z": 1.0,
  "summary_bg_k": 2.447135033088241,
  "summary_bg_mad": 0.0,
  "summary_bg_mean": 8.595019765152237,
  "summary_bg_median": 0.0,
  "summary_bg_n": 3782855.0,
  "summary_bg_p05": 0.0,
  "summary_bg_p95": 28.577231481671333,
  "summary_bg_stdv": 10.490880936773605,
  "summary_csf_k": 0.6146622751096529,
  "summary_csf_mad": 113.30104378302242,
  "summary_csf_mean": 1440.0026882510135,
  "summary_csf_median": 1435.464133489877,
  "summary_csf_n": 24710.0,
  "summary_csf_p05": 1254.38132343404,
  "summary_csf_p95": 1644.2438337732106,
  "summary_csf_stdv": 120.17898233111576,
  "summary_gm_k": -1.2956861629157317,
  "summary_gm_mad": 1254.795254940376,
  "summary_gm_mean": 1951.3126771176933,
  "summary_gm_median": 2376.5150749236345,
  "summary_gm_n": 48419.0,
  "summary_gm_p05": 57.222181521356106,
  "summary_gm_p95": 3729.4031987719236,
  "summary_gm_stdv": 1279.6220589696675,
  "summary_wm_k": 0.24384013180640451,
  "summary_wm_mad": 81.82574274095107,
  "summary_wm_mean": 1000.2098010244647,
  "summary_wm_median": 999.9999461844563,
  "summary_wm_n": 190980.0,
  "summary_wm_p05": 863.8179260194302,
  "summary_wm_p95": 1135.775655001402,
  "summary_wm_stdv": 83.44088225167752,
  "tpm_overlap_csf": 0.10202688077472177,
  "tpm_overlap_gm": 0.11540623730850454,
  "tpm_overlap_wm": 0.4594265971053509,
  "wm2max": 0.27531199656969846
}