{
  "bids_meta": {
    "AcquisitionMatrixPE": 256,
    "AcquisitionNumber": 1,
    "AcquisitionTime": "15:19:9.000000",
    "BodyPartExamined": "BRAIN",
    "CoilString": "32Ch Head",
    "ConversionSoftware": "dcm2niix",
    "ConversionSoftwareVersion": "v1.0.20211006",
    "Dcm2bidsVersion": "2.1.6",
    "DeviceSerialNumber": "000301496MR3T6MR",
    "EchoTime": 0.003036,
    "FlipAngle": 11,
    "ImageOrientationPatientDICOM": [
      0,
      1,
      0,
      0,
      0,
      -1
    ],
    "ImageType": [
      "ORIGINAL",
      "PRIMARY",
      "OTHER"
    ],
    "ImagingFrequency": 127.697,
    "InPlanePhaseEncodingDirectionDICOM": "ROW",
    "InstitutionName": "NIH FMRIF",
    "InversionTime": 0.4,
    "MRAcquisitionType": "3D",
    "MagneticFieldStrength": 3,
    "Manufacturer": "GE",
    "ManufacturersModelName": "DISCOVERY MR750",
    "Modality": "MR",
    "ParallelReductionFactorInPlane": 1.72974,
    "PatientPosition": "HFS",
    "PercentPhaseFOV": 100,
    "PercentSampling": 100,
    "PixelBandwidth": 244.141,
    "ProcedureStepDescription": "MRI Brain",
    "ProtocolName": "ADNI3 FMRIF Enhanced Pro",
    "ReconMatrixPE": 256,
    "RepetitionTime": 0.007348,
    "SAR": 0.199154,
    "ScanOptions": "FAST_GEMS\\EDR_GEMS\\FILTERED_GEMS\\ACC_GEMS\\IR_GEMS",
    "ScanningSequence": "GR",
    "SequenceVariant": "SS\\SP\\SK",
    "SeriesDescription": "Accelerated Sagittal IR-FSPGR",
    "SeriesNumber": 3,
    "SliceThickness": 1.2,
    "SoftwareVersions": "27\\LX\\MR Software release:DV26.0_R01_1725.a",
    "SpacingBetweenSlices": 1.2,
    "SpoilingState": true,
    "StationName": "fmrif3tb",
    "acq_id": "FSPGR",
    "dataset": "ds004215",
    "modality": "T1w",
    "rec_id": "SCIC",
    "session_id": "01",
    "subject_id": "ON72409"
  },
  "cjv": 0.30069726625898086,
  "cnr": 4.295163457865133,
  "efc": 0.528033130696704,
  "fber": -1.0,
  "fwhm_avg": 3.2696777978002984,
  "fwhm_x": 3.093749534478593,
  "fwhm_y": 3.5182231348030197,
  "fwhm_z": 3.1970607241192814,
  "icvs_csf": 0.21096770451003052,
  "icvs_gm": 0.4660749337750745,
  "icvs_wm": 0.322957361714895,
  "inu_med": 0.5165252089500427,
  "inu_range": 0.10246586501598359,
  "provenance": {
    "md5sum": "215859fa5322b299b818d4b4f2e1d0b7",
    "settings": {
      "testing": false
    },
    "software": "mriqc",
    "version": "22.0.6",
    "warnings": {
      "large_rot_frame": true,
      "small_air_mask": false
    },
    "webapi_port": null,
    "webapi_url": "https://mriqc.nimh.nih.gov/api/v1"
  },
  "qi_1": 0.0013882758235792528,
  "qi_2": 0.002238781626833331,
  "rpve_csf": 38.92042659165084,
  "rpve_gm": 19.350570345672335,
  "rpve_wm": 31.87081184764467,
  "size_x": 196,
  "size_y": 256,
  "size_z": 256,
  "snr_csf": 1.1224831095902565,
  "snr_gm": 9.875899915849317,
  "snr_total": 11.373702755203555,
  "snr_wm": 23.122725240171093,
  "snrd_csf": 6.211281528028158,
  "snrd_gm": 18.333997476545665,
  "snrd_total": 17.611552164211997,
  "snrd_wm": 28.28937748806216,
  "spacing_x": 1.1999969482421875,
  "spacing_y": 1.0547000169754028,
  "spacing_z": 1.0547000169754028,
  "summary_bg_k": 84.4067275163569,
  "summary_bg_mad": 0.0,
  "summary_bg_mean": 10.1807116530812,
  "summary_bg_median": 0.0,
  "summary_bg_n": 1358935.0,
  "summary_bg_p05": 0.0,
  "summary_bg_p95": 43.444966681301594,
  "summary_bg_stdv": 23.15838780516054,
  "summary_csf_k": 43.05960999099324,
  "summary_csf_mad": 119.74105230532264,
  "summary_csf_mean": 240.14744844921222,
  "summary_csf_median": 219.56231769919395,
  "summary_csf_n": 10487.0,
  "summary_csf_p05": 51.799457954987886,
  "summary_csf_p95": 458.61441822499,
  "summary_csf_stdv": 195.594790927897,
  "summary_gm_k": 0.17562105132099637,
  "summary_gm_mad": 64.59085705691305,
  "summary_gm_mean": 646.2161112792952,
  "summary_gm_median": 648.0876708738506,
  "summary_gm_n": 28849.0,
  "summary_gm_p05": 535.1791192464531,
  "summary_gm_p95": 750.2760359175503,
  "summary_gm_stdv": 65.62201357722175,
  "summary_wm_k": 0.3955229542065082,
  "summary_wm_mad": 41.228206632072165,
  "summary_wm_mean": 999.1487777362997,
  "summary_wm_median": 999.9999612830579,
  "summary_wm_n": 114692.0,
  "summary_wm_p05": 926.288603156805,
  "summary_wm_p95": 1068.5124319307506,
  "summary_wm_stdv": 43.24730720038406,
  "tpm_overlap_csf": 0.14713423785783775,
  "tpm_overlap_gm": 0.47532538566835,
  "tpm_overlap_wm": 0.49984915821057335,
  "wm2max": 0.421173235563703
}