{
  "aor": 0.003418743718592965,
  "aqi": 0.003423683115577889,
  "bids_meta": {
    "AcquisitionMatrixPE": 64,
    "AcquisitionNumber": 1,
    "AcquisitionTime": "16:38:17.000000",
    "BodyPartExamined": "BRAIN",
    "CoilString": "32Ch Head",
    "ConversionSoftware": "dcm2niix",
    "ConversionSoftwareVersion": "v1.0.20211006",
    "Dcm2bidsVersion": "2.1.6",
    "DeviceSerialNumber": "000301496MR3T6MR",
    "EchoTime": 0.0169,
    "EffectiveEchoSpacing": 0.000416,
    "FlipAngle": 90,
    "ImageOrientationPatientDICOM": [
      1,
      0,
      0,
      0,
      1,
      0
    ],
    "ImageType": [
      "ORIGINAL",
      "PRIMARY",
      "OTHER"
    ],
    "ImagingFrequency": 127.697,
    "InPlanePhaseEncodingDirectionDICOM": "COL",
    "InstitutionName": "NIH FMRIF",
    "InternalPulseSequenceName": "EPI",
    "MRAcquisitionType": "2D",
    "MagneticFieldStrength": 3,
    "Manufacturer": "GE",
    "ManufacturersModelName": "DISCOVERY MR750",
    "Modality": "MR",
    "PatientPosition": "HFS",
    "PercentPhaseFOV": 100,
    "PercentSampling": 100,
    "PhaseEncodingDirection": "j",
    "PhaseEncodingPolarityGE": "Flipped",
    "PixelBandwidth": 7812.5,
    "ProcedureStepDescription": "MRI Brain",
    "ProtocolName": "ADNI3 FMRIF Enhanced Pro",
    "PulseSequenceName": "epi",
    "ReconMatrixPE": 64,
    "RepetitionTime": 3,
    "SAR": 0.18695,
    "ScanOptions": "MP_GEMS\\EPI_GEMS\\PFF",
    "ScanningSequence": "EP\\GR",
    "SequenceVariant": "SS",
    "SeriesDescription": "Axial rsfMRI with Eyes Open - RKV",
    "SeriesNumber": 10,
    "SliceThickness": 3.4,
    "SliceTiming": [
      0,
      1.5,
      0.0625,
      1.5625,
      0.125,
      1.625,
      0.1875,
      1.6875,
      0.25,
      1.75,
      0.3125,
      1.8125,
      0.375,
      1.875,
      0.4375,
      1.9375,
      0.5,
      2,
      0.5625,
      2.0625,
      0.625,
      2.125,
      0.6875,
      2.1875,
      0.75,
      2.25,
      0.8125,
      2.3125,
      0.875,
      2.375,
      0.9375,
      2.4375,
      1,
      2.5,
      1.0625,
      2.5625,
      1.125,
      2.625,
      1.1875,
      2.6875,
      1.25,
      2.75,
      1.3125,
      2.8125,
      1.375,
      2.875,
      1.4375,
      2.9375
    ],
    "SoftwareVersions": "27\\LX\\MR Software release:DV26.0_R03_1831.b",
    "SpacingBetweenSlices": 3.4,
    "StationName": "FMRI3tb",
    "TaskName": "Resting state with eyes open.",
    "TotalReadoutTime": 0.026208,
    "TriggerDelayTime": 599938,
    "dataset": "ds004215",
    "modality": "bold",
    "session_id": "01",
    "subject_id": "ON62003",
    "task_id": "rest"
  },
  "dummy_trs": 1,
  "dvars_nstd": 14.8741170420202,
  "dvars_std": 1.1853007298484846,
  "dvars_vstd": 0.9811456837373731,
  "efc": 0.48227386471104644,
  "fber": 3628.180908203125,
  "fd_mean": 0.19377499749694882,
  "fd_num": 72,
  "fd_perc": 36.18090452261306,
  "fwhm_avg": 2.8586020045279956,
  "fwhm_x": 2.614077090909091,
  "fwhm_y": 2.727112727272727,
  "fwhm_z": 3.23461619540217,
  "gcor": 0.0317783,
  "gsr_x": 0.014325203374028206,
  "gsr_y": 0.03034164570271969,
  "provenance": {
    "md5sum": "36096debdaf1906e7ec24fa20b77983e",
    "settings": {
      "fd_thres": 0.2,
      "testing": false
    },
    "software": "mriqc",
    "version": "22.0.6",
    "webapi_port": null,
    "webapi_url": "https://mriqc.nimh.nih.gov/api/v1"
  },
  "size_t": 199,
  "size_x": 64,
  "size_y": 64,
  "size_z": 48,
  "snr": 3.891199230769514,
  "spacing_tr": 3.0,
  "spacing_x": 3.4375,
  "spacing_y": 3.4375,
  "spacing_z": 3.4000015258789062,
  "summary_bg_k": 29.47489672414779,
  "summary_bg_mad": 17.448512292028486,
  "summary_bg_mean": 160.50767517089844,
  "summary_bg_median": 38.728641510009766,
  "summary_bg_n": 132705.0,
  "summary_bg_p05": 21.28643226623535,
  "summary_bg_p95": 769.5215942382806,
  "summary_bg_stdv": 316.8454895019531,
  "summary_fg_k": 1.2166565361945798,
  "summary_fg_mad": 510.48833986273894,
  "summary_fg_mean": 2370.193115234375,
  "summary_fg_median": 2301.21875,
  "summary_fg_n": 26912.0,
  "summary_fg_p05": 1529.0228942871095,
  "summary_fg_p95": 3445.961499023437,
  "summary_fg_stdv": 591.379638671875,
  "tsnr": 88.2810722431168
}