{
  "aor": 0.045141111111111104,
  "aqi": 0.0013906154444444443,
  "bids_meta": {
    "AcquisitionMatrixPE": 64,
    "AcquisitionNumber": 1,
    "AcquisitionTime": "16:49:2.000000",
    "BodyPartExamined": "BRAIN",
    "CoilString": "32Ch Head",
    "ConversionSoftware": "dcm2niix",
    "ConversionSoftwareVersion": "v1.0.20211006",
    "Dcm2bidsVersion": "2.1.6",
    "DeviceSerialNumber": "000301496MR3T6MR",
    "EchoTime": 0.0169,
    "EffectiveEchoSpacing": 0.000416,
    "FlipAngle": 90,
    "ImageOrientationPatientDICOM": [
      1,
      0,
      0,
      0,
      1,
      0
    ],
    "ImageType": [
      "ORIGINAL",
      "PRIMARY",
      "OTHER"
    ],
    "ImagingFrequency": 127.697,
    "InPlanePhaseEncodingDirectionDICOM": "COL",
    "InstitutionName": "NIH FMRIF",
    "InternalPulseSequenceName": "EPI",
    "MRAcquisitionType": "2D",
    "MagneticFieldStrength": 3,
    "Manufacturer": "GE",
    "ManufacturersModelName": "DISCOVERY MR750",
    "Modality": "MR",
    "PatientPosition": "HFS",
    "PercentPhaseFOV": 100,
    "PercentSampling": 100,
    "PhaseEncodingDirection": "j",
    "PhaseEncodingPolarityGE": "Flipped",
    "PixelBandwidth": 7812.5,
    "ProcedureStepDescription": "MRI Brain",
    "ProtocolName": "ADNI3 FMRIF Enhanced Pro",
    "PulseSequenceName": "epi",
    "ReconMatrixPE": 64,
    "RepetitionTime": 3,
    "SAR": 0.18695,
    "ScanOptions": "MP_GEMS\\EPI_GEMS\\PFF",
    "ScanningSequence": "EP\\GR",
    "SequenceVariant": "SS",
    "SeriesDescription": "Axial rsfMRI reverse blip - RKV",
    "SeriesNumber": 11,
    "SliceThickness": 3.4,
    "SliceTiming": [
      0,
      1.5,
      0.0625,
      1.5625,
      0.125,
      1.625,
      0.1875,
      1.6875,
      0.25,
      1.75,
      0.3125,
      1.8125,
      0.375,
      1.875,
      0.4375,
      1.9375,
      0.5,
      2,
      0.5625,
      2.0625,
      0.625,
      2.125,
      0.6875,
      2.1875,
      0.75,
      2.25,
      0.8125,
      2.3125,
      0.875,
      2.375,
      0.9375,
      2.4375,
      1,
      2.5,
      1.0625,
      2.5625,
      1.125,
      2.625,
      1.1875,
      2.6875,
      1.25,
      2.75,
      1.3125,
      2.8125,
      1.375,
      2.875,
      1.4375,
      2.9375
    ],
    "SoftwareVersions": "27\\LX\\MR Software release:DV26.0_R03_1831.b",
    "SpacingBetweenSlices": 3.4,
    "StationName": "FMRI3tb",
    "TaskName": "Resting state with reverse blip.",
    "TotalReadoutTime": 0.026208,
    "TriggerDelayTime": 29938,
    "dataset": "ds004215",
    "modality": "bold",
    "session_id": "01",
    "subject_id": "ON62003",
    "task_id": "rest"
  },
  "dummy_trs": 1,
  "dvars_nstd": 16.63625085375,
  "dvars_std": 1.3850311400000002,
  "dvars_vstd": 1.50413273375,
  "efc": 0.483754297685377,
  "fber": 3852.781005859375,
  "fd_mean": 0.26789066915716586,
  "fd_num": 4,
  "fd_perc": 44.44444444444444,
  "fwhm_avg": 2.8099055028078133,
  "fwhm_x": 2.5356421818181816,
  "fwhm_y": 2.689664,
  "fwhm_z": 3.2044103266052573,
  "gcor": 0.0167902,
  "gsr_x": 0.01312760729342699,
  "gsr_y": 0.031908582895994186,
  "provenance": {
    "md5sum": "0e95ea5c33b9b25778ece8d3e93cb788",
    "settings": {
      "fd_thres": 0.2,
      "testing": false
    },
    "software": "mriqc",
    "version": "22.0.6",
    "webapi_port": null,
    "webapi_url": "https://mriqc.nimh.nih.gov/api/v1"
  },
  "size_t": 9,
  "size_x": 64,
  "size_y": 64,
  "size_z": 48,
  "snr": 3.897458654936442,
  "spacing_tr": 3.0,
  "spacing_x": 3.4375,
  "spacing_y": 3.4375,
  "spacing_z": 3.4000015258789062,
  "summary_bg_k": 30.655069276517835,
  "summary_bg_mad": 14.167084723676513,
  "summary_bg_mean": 163.33412170410156,
  "summary_bg_median": 37.33333206176758,
  "summary_bg_n": 132565.0,
  "summary_bg_p05": 24.44444465637207,
  "summary_bg_p95": 793.1111450195312,
  "summary_bg_stdv": 326.4049377441406,
  "summary_fg_k": 1.2273107216553463,
  "summary_fg_mad": 513.3922819888414,
  "summary_fg_mean": 2360.29296875,
  "summary_fg_median": 2295.83349609375,
  "summary_fg_n": 27060.0,
  "summary_fg_p05": 1514.761163330078,
  "summary_fg_p95": 3422.6723022460938,
  "summary_fg_stdv": 589.0482177734375,
  "tsnr": 134.93382042646408
}