{
  "aor": 0.00252,
  "aqi": 0.0042086571356783915,
  "bids_meta": {
    "AcquisitionMatrixPE": 64,
    "AcquisitionNumber": 1,
    "AcquisitionTime": "14:56:1.000000",
    "BodyPartExamined": "BRAIN",
    "CoilString": "32Ch Head",
    "ConversionSoftware": "dcm2niix",
    "ConversionSoftwareVersion": "v1.0.20211006",
    "Dcm2bidsVersion": "2.1.6",
    "DeviceSerialNumber": "000301496MR3T6MR",
    "EchoTime": 0.0169,
    "EffectiveEchoSpacing": 0.000416,
    "FlipAngle": 90,
    "ImageOrientationPatientDICOM": [
      1,
      0,
      0,
      0,
      1,
      0
    ],
    "ImageType": [
      "ORIGINAL",
      "PRIMARY",
      "OTHER"
    ],
    "ImagingFrequency": 127.697,
    "InPlanePhaseEncodingDirectionDICOM": "COL",
    "InstitutionName": "NIH FMRIF",
    "InternalPulseSequenceName": "EPI",
    "MRAcquisitionType": "2D",
    "MagneticFieldStrength": 3,
    "Manufacturer": "GE",
    "ManufacturersModelName": "DISCOVERY MR750",
    "Modality": "MR",
    "PatientPosition": "HFS",
    "PercentPhaseFOV": 100,
    "PercentSampling": 100,
    "PhaseEncodingDirection": "j",
    "PhaseEncodingPolarityGE": "Flipped",
    "PixelBandwidth": 7812.5,
    "ProcedureStepDescription": "MRI Brain",
    "ProtocolName": "ADNI3 FMRIF Enhanced Pro",
    "PulseSequenceName": "epi",
    "ReconMatrixPE": 64,
    "RepetitionTime": 3,
    "SAR": 0.203288,
    "ScanOptions": "MP_GEMS\\EPI_GEMS\\PFF",
    "ScanningSequence": "EP\\GR",
    "SequenceVariant": "SS",
    "SeriesDescription": "Axial rsfMRI with Eyes Open - RKV",
    "SeriesNumber": 10,
    "SliceThickness": 3.4,
    "SliceTiming": [
      0,
      1.5,
      0.0625,
      1.5625,
      0.125,
      1.625,
      0.1875,
      1.6875,
      0.25,
      1.75,
      0.3125,
      1.8125,
      0.375,
      1.875,
      0.4375,
      1.9375,
      0.5,
      2,
      0.5625,
      2.0625,
      0.625,
      2.125,
      0.6875,
      2.1875,
      0.75,
      2.25,
      0.8125,
      2.3125,
      0.875,
      2.375,
      0.9375,
      2.4375,
      1,
      2.5,
      1.0625,
      2.5625,
      1.125,
      2.625,
      1.1875,
      2.6875,
      1.25,
      2.75,
      1.3125,
      2.8125,
      1.375,
      2.875,
      1.4375,
      2.9375
    ],
    "SoftwareVersions": "27\\LX\\MR Software release:DV26.0_R03_1831.b",
    "SpacingBetweenSlices": 3.4,
    "StationName": "FMRI3tb",
    "TaskName": "Resting state with eyes open.",
    "TotalReadoutTime": 0.026208,
    "TriggerDelayTime": 599938,
    "dataset": "ds004215",
    "modality": "bold",
    "session_id": "01",
    "subject_id": "ON34766",
    "task_id": "rest"
  },
  "dummy_trs": 1,
  "dvars_nstd": 16.52751701040404,
  "dvars_std": 1.2756124828787883,
  "dvars_vstd": 0.9769644057070702,
  "efc": 0.474023769916556,
  "fber": 4035.27001953125,
  "fd_mean": 0.15536230127253534,
  "fd_num": 48,
  "fd_perc": 24.12060301507538,
  "fwhm_avg": 2.701497370785526,
  "fwhm_x": 2.6121367272727274,
  "fwhm_y": 2.561024,
  "fwhm_z": 2.9313313850838503,
  "gcor": 0.0423001,
  "gsr_x": 0.00601982930675149,
  "gsr_y": 0.05836591124534607,
  "provenance": {
    "md5sum": "fb084f125020139e8ddbb60a3763713b",
    "settings": {
      "fd_thres": 0.2,
      "testing": false
    },
    "software": "mriqc",
    "version": "22.0.6",
    "webapi_port": null,
    "webapi_url": "https://mriqc.nimh.nih.gov/api/v1"
  },
  "size_t": 199,
  "size_x": 64,
  "size_y": 64,
  "size_z": 48,
  "snr": 3.6276416955770667,
  "spacing_tr": 3.0,
  "spacing_x": 3.4375,
  "spacing_y": 3.4375,
  "spacing_z": 3.3999977111816406,
  "summary_bg_k": 22.51426210212001,
  "summary_bg_mad": 19.460084477020487,
  "summary_bg_mean": 159.68032836914062,
  "summary_bg_median": 40.17085266113281,
  "summary_bg_n": 132639.0,
  "summary_bg_p05": 21.070350646972656,
  "summary_bg_p95": 797.7517517089824,
  "summary_bg_stdv": 320.18646240234375,
  "summary_fg_k": 2.0131726181247958,
  "summary_fg_mad": 590.0832841973069,
  "summary_fg_mean": 2644.694091796875,
  "summary_fg_median": 2524.628173828125,
  "summary_fg_n": 26825.0,
  "summary_fg_p05": 1705.5557861328125,
  "summary_fg_p95": 3923.935693359375,
  "summary_fg_stdv": 695.9290161132812,
  "tsnr": 89.49457197450101
}