{
  "aor": 0.03512111111111111,
  "aqi": 0.002422365222222222,
  "bids_meta": {
    "AcquisitionMatrixPE": 64,
    "AcquisitionNumber": 1,
    "AcquisitionTime": "15:06:53.000000",
    "BodyPartExamined": "BRAIN",
    "CoilString": "32Ch Head",
    "ConversionSoftware": "dcm2niix",
    "ConversionSoftwareVersion": "v1.0.20211006",
    "Dcm2bidsVersion": "2.1.6",
    "DeviceSerialNumber": "000301496MR3T6MR",
    "EchoTime": 0.0169,
    "EffectiveEchoSpacing": 0.000416,
    "FlipAngle": 90,
    "ImageOrientationPatientDICOM": [
      1,
      0,
      0,
      0,
      1,
      0
    ],
    "ImageType": [
      "ORIGINAL",
      "PRIMARY",
      "OTHER"
    ],
    "ImagingFrequency": 127.697,
    "InPlanePhaseEncodingDirectionDICOM": "COL",
    "InstitutionName": "NIH FMRIF",
    "InternalPulseSequenceName": "EPI",
    "MRAcquisitionType": "2D",
    "MagneticFieldStrength": 3,
    "Manufacturer": "GE",
    "ManufacturersModelName": "DISCOVERY MR750",
    "Modality": "MR",
    "PatientPosition": "HFS",
    "PercentPhaseFOV": 100,
    "PercentSampling": 100,
    "PhaseEncodingDirection": "j-",
    "PhaseEncodingPolarityGE": "Unflipped",
    "PixelBandwidth": 7812.5,
    "ProcedureStepDescription": "MRI Brain",
    "ProtocolName": "ADNI3 FMRIF Enhanced Pro",
    "PulseSequenceName": "epi",
    "ReconMatrixPE": 64,
    "RepetitionTime": 3,
    "SAR": 0.203288,
    "ScanOptions": "MP_GEMS\\EPI_GEMS\\PFF",
    "ScanningSequence": "EP\\GR",
    "SequenceVariant": "SS",
    "SeriesDescription": "Axial rsfMRI reverse blip - RKV",
    "SeriesNumber": 11,
    "SliceThickness": 3.4,
    "SliceTiming": [
      0,
      1.5,
      0.0625,
      1.5625,
      0.125,
      1.625,
      0.1875,
      1.6875,
      0.25,
      1.75,
      0.3125,
      1.8125,
      0.375,
      1.875,
      0.4375,
      1.9375,
      0.5,
      2,
      0.5625,
      2.0625,
      0.625,
      2.125,
      0.6875,
      2.1875,
      0.75,
      2.25,
      0.8125,
      2.3125,
      0.875,
      2.375,
      0.9375,
      2.4375,
      1,
      2.5,
      1.0625,
      2.5625,
      1.125,
      2.625,
      1.1875,
      2.6875,
      1.25,
      2.75,
      1.3125,
      2.8125,
      1.375,
      2.875,
      1.4375,
      2.9375
    ],
    "SoftwareVersions": "27\\LX\\MR Software release:DV26.0_R03_1831.b",
    "SpacingBetweenSlices": 3.4,
    "StationName": "FMRI3tb",
    "TaskName": "Resting state with reverse blip.",
    "TotalReadoutTime": 0.026208,
    "TriggerDelayTime": 29938,
    "dataset": "ds004215",
    "modality": "bold",
    "session_id": "01",
    "subject_id": "ON34766",
    "task_id": "rest"
  },
  "dummy_trs": 1,
  "dvars_nstd": 19.221939922500002,
  "dvars_std": 1.5091449625,
  "dvars_vstd": 1.37244740125,
  "efc": 0.48150950361018147,
  "fber": 4522.3583984375,
  "fd_mean": 0.13104258429403925,
  "fd_num": 1,
  "fd_perc": 11.11111111111111,
  "fwhm_avg": 2.708440311636633,
  "fwhm_x": 2.6542632727272726,
  "fwhm_y": 2.668276363636364,
  "fwhm_z": 2.802781298546263,
  "gcor": 0.0491547,
  "gsr_x": 0.0036814557388424873,
  "gsr_y": 0.05813056230545044,
  "provenance": {
    "md5sum": "aa296fce0611d5f5afcf21151a835a63",
    "settings": {
      "fd_thres": 0.2,
      "testing": false
    },
    "software": "mriqc",
    "version": "22.0.6",
    "webapi_port": null,
    "webapi_url": "https://mriqc.nimh.nih.gov/api/v1"
  },
  "size_t": 9,
  "size_x": 64,
  "size_y": 64,
  "size_z": 48,
  "snr": 4.060719527055931,
  "spacing_tr": 3.0,
  "spacing_x": 3.4375,
  "spacing_y": 3.4375,
  "spacing_z": 3.3999977111816406,
  "summary_bg_k": 22.565953632855205,
  "summary_bg_mad": 13.837618820826075,
  "summary_bg_mean": 155.00027465820312,
  "summary_bg_median": 37.77777862548828,
  "summary_bg_n": 131035.0,
  "summary_bg_p05": 26.0,
  "summary_bg_p95": 778.2222290039062,
  "summary_bg_stdv": 302.12042236328125,
  "summary_fg_k": 0.6800577759295341,
  "summary_fg_mad": 558.5293029724248,
  "summary_fg_mean": 2643.489013671875,
  "summary_fg_median": 2553.888916015625,
  "summary_fg_n": 27292.0,
  "summary_fg_p05": 1702.0722717285157,
  "summary_fg_p95": 3769.988891601562,
  "summary_fg_stdv": 628.9136962890625,
  "tsnr": 139.7900841422379
}