{
  "aor": 0.03892888888888889,
  "aqi": 0.0012158492222222221,
  "bids_meta": {
    "AcquisitionMatrixPE": 64,
    "AcquisitionNumber": 1,
    "AcquisitionTime": "14:59:41.000000",
    "BodyPartExamined": "BRAIN",
    "CoilString": "32Ch Head",
    "ConversionSoftware": "dcm2niix",
    "ConversionSoftwareVersion": "v1.0.20211006",
    "Dcm2bidsVersion": "2.1.6",
    "DeviceSerialNumber": "000301496MR3T6MR",
    "EchoTime": 0.0169,
    "EffectiveEchoSpacing": 0.000416,
    "FlipAngle": 90,
    "ImageOrientationPatientDICOM": [
      1,
      0,
      0,
      0,
      1,
      0
    ],
    "ImageType": [
      "ORIGINAL",
      "PRIMARY",
      "OTHER"
    ],
    "ImagingFrequency": 127.697,
    "InPlanePhaseEncodingDirectionDICOM": "COL",
    "InstitutionName": "NIH FMRIF",
    "InternalPulseSequenceName": "EPI",
    "MRAcquisitionType": "2D",
    "MagneticFieldStrength": 3,
    "Manufacturer": "GE",
    "ManufacturersModelName": "DISCOVERY MR750",
    "Modality": "MR",
    "PatientPosition": "HFS",
    "PercentPhaseFOV": 100,
    "PercentSampling": 100,
    "PhaseEncodingDirection": "j",
    "PhaseEncodingPolarityGE": "Flipped",
    "PixelBandwidth": 7812.5,
    "ProcedureStepDescription": "MRI Brain",
    "ProtocolName": "ADNI3 FMRIF Enhanced Pro",
    "PulseSequenceName": "epi",
    "ReconMatrixPE": 64,
    "RepetitionTime": 3,
    "SAR": 0.154169,
    "ScanOptions": "MP_GEMS\\EPI_GEMS\\PFF",
    "ScanningSequence": "EP\\GR",
    "SequenceVariant": "SS",
    "SeriesDescription": "Axial rsfMRI reverse blip - RKV",
    "SeriesNumber": 11,
    "SliceThickness": 3.4,
    "SliceTiming": [
      0,
      1.5,
      0.0625,
      1.5625,
      0.125,
      1.625,
      0.1875,
      1.6875,
      0.25,
      1.75,
      0.3125,
      1.8125,
      0.375,
      1.875,
      0.4375,
      1.9375,
      0.5,
      2,
      0.5625,
      2.0625,
      0.625,
      2.125,
      0.6875,
      2.1875,
      0.75,
      2.25,
      0.8125,
      2.3125,
      0.875,
      2.375,
      0.9375,
      2.4375,
      1,
      2.5,
      1.0625,
      2.5625,
      1.125,
      2.625,
      1.1875,
      2.6875,
      1.25,
      2.75,
      1.3125,
      2.8125,
      1.375,
      2.875,
      1.4375,
      2.9375
    ],
    "SoftwareVersions": "27\\LX\\MR Software release:DV26.0_R03_1831.b",
    "SpacingBetweenSlices": 3.4,
    "StationName": "FMRI3tb",
    "TaskName": "Resting state with reverse blip.",
    "TotalReadoutTime": 0.026208,
    "TriggerDelayTime": 29938,
    "dataset": "ds004215",
    "modality": "bold",
    "session_id": "01",
    "subject_id": "ON39099",
    "task_id": "rest"
  },
  "dummy_trs": 1,
  "dvars_nstd": 9.45419818125,
  "dvars_std": 1.14656659875,
  "dvars_vstd": 1.2609579124999999,
  "efc": 0.500404504602883,
  "fber": 4116.41455078125,
  "fd_mean": 0.05688242155206416,
  "fd_num": 0,
  "fd_perc": 0.0,
  "fwhm_avg": 2.689136784179889,
  "fwhm_x": 2.5081047272727273,
  "fwhm_y": 2.541274181818182,
  "fwhm_z": 3.018031443448758,
  "gcor": 0.0571565,
  "gsr_x": 0.01081414520740509,
  "gsr_y": 0.06946372985839844,
  "provenance": {
    "md5sum": "40c974fb4fdf70be9e43ea5130a6eaee",
    "settings": {
      "fd_thres": 0.2,
      "testing": false
    },
    "software": "mriqc",
    "version": "22.0.6",
    "webapi_port": null,
    "webapi_url": "https://mriqc.nimh.nih.gov/api/v1"
  },
  "size_t": 9,
  "size_x": 64,
  "size_y": 64,
  "size_z": 48,
  "snr": 3.9881252071320894,
  "spacing_tr": 3.0,
  "spacing_x": 3.4375,
  "spacing_y": 3.4375,
  "spacing_z": 3.3999977111816406,
  "summary_bg_k": 13.205791807076512,
  "summary_bg_mad": 15.155488087906457,
  "summary_bg_mean": 194.19996643066406,
  "summary_bg_median": 39.0,
  "summary_bg_n": 127951.0,
  "summary_bg_p05": 24.22222328186035,
  "summary_bg_p95": 1126.9444580078125,
  "summary_bg_stdv": 394.70794677734375,
  "summary_fg_k": 1.0826052620095767,
  "summary_fg_mad": 580.6858085874553,
  "summary_fg_mean": 2575.165771484375,
  "summary_fg_median": 2505.5556640625,
  "summary_fg_n": 28794.0,
  "summary_fg_p05": 1668.2166931152344,
  "summary_fg_p95": 3679.0388793945312,
  "summary_fg_stdv": 628.2431030273438,
  "tsnr": 201.10300105810165
}