{
  "bids_meta": {
    "AcquisitionMatrixPE": 256,
    "AcquisitionNumber": 1,
    "AcquisitionTime": "14:12:31.000000",
    "BodyPartExamined": "BRAIN",
    "CoilString": "32Ch Head",
    "ConversionSoftware": "dcm2niix",
    "ConversionSoftwareVersion": "v1.0.20211006",
    "Dcm2bidsVersion": "2.1.6",
    "DeviceSerialNumber": "000301496MR3T6MR",
    "EchoTime": 0.003036,
    "FlipAngle": 11,
    "ImageOrientationPatientDICOM": [
      0,
      1,
      0,
      0,
      0,
      -1
    ],
    "ImageType": [
      "ORIGINAL",
      "PRIMARY",
      "OTHER"
    ],
    "ImagingFrequency": 127.697,
    "InPlanePhaseEncodingDirectionDICOM": "ROW",
    "InstitutionName": "NIH FMRIF",
    "InversionTime": 0.4,
    "MRAcquisitionType": "3D",
    "MagneticFieldStrength": 3,
    "Manufacturer": "GE",
    "ManufacturersModelName": "DISCOVERY MR750",
    "Modality": "MR",
    "ParallelReductionFactorInPlane": 1.72974,
    "PatientPosition": "HFS",
    "PercentPhaseFOV": 100,
    "PercentSampling": 100,
    "PixelBandwidth": 244.141,
    "ProcedureStepDescription": "MRI Brain",
    "ProtocolName": "ADNI3 FMRIF Enhanced Pro",
    "ReconMatrixPE": 256,
    "RepetitionTime": 0.007348,
    "SAR": 0.210877,
    "ScanOptions": "FAST_GEMS\\EDR_GEMS\\FILTERED_GEMS\\ACC_GEMS\\IR_GEMS",
    "ScanningSequence": "GR",
    "SequenceVariant": "SS\\SP\\SK",
    "SeriesDescription": "Accelerated Sagittal IR-FSPGR",
    "SeriesNumber": 3,
    "SliceThickness": 1.2,
    "SoftwareVersions": "27\\LX\\MR Software release:DV26.0_R01_1725.a",
    "SpacingBetweenSlices": 1.2,
    "SpoilingState": true,
    "StationName": "fmrif3tb",
    "acq_id": "FSPGR",
    "dataset": "ds004215",
    "modality": "T1w",
    "rec_id": "SCIC",
    "session_id": "01",
    "subject_id": "ON48190"
  },
  "cjv": 0.3547207952687579,
  "cnr": 3.7713131493971597,
  "efc": 0.5630263039424902,
  "fber": -1.0,
  "fwhm_avg": 3.7588731561387942,
  "fwhm_x": 3.446592098470303,
  "fwhm_y": 4.02608318162095,
  "fwhm_z": 3.80394418832513,
  "icvs_csf": 0.2757958215287951,
  "icvs_gm": 0.3847623901740781,
  "icvs_wm": 0.33944178829712673,
  "inu_med": 0.5997064411640167,
  "inu_range": 0.14276817440986633,
  "provenance": {
    "md5sum": "c2abd559b08528ec7dcd6908916ecb5e",
    "settings": {
      "testing": false
    },
    "software": "mriqc",
    "version": "22.0.6",
    "warnings": {
      "large_rot_frame": true,
      "small_air_mask": false
    },
    "webapi_port": null,
    "webapi_url": "https://mriqc.nimh.nih.gov/api/v1"
  },
  "qi_1": 0.0,
  "qi_2": 0.0012140705822540902,
  "rpve_csf": 27.462947991296048,
  "rpve_gm": 18.272649357559374,
  "rpve_wm": 24.91776569169837,
  "size_x": 196,
  "size_y": 256,
  "size_z": 256,
  "snr_csf": 2.5480371495124206,
  "snr_gm": 9.710184558862228,
  "snr_total": 11.098037966070871,
  "snr_wm": 21.03589218983797,
  "snrd_csf": 9.58466154068669,
  "snrd_gm": 28.42778325689692,
  "snrd_total": 26.677502122390553,
  "snrd_wm": 42.02006156958805,
  "spacing_x": 1.1999969482421875,
  "spacing_y": 1.0547000169754028,
  "spacing_z": 1.0547000169754028,
  "summary_bg_k": 26.082872101066325,
  "summary_bg_mad": 0.0,
  "summary_bg_mean": 8.631079026129179,
  "summary_bg_median": 0.0,
  "summary_bg_n": 1330933.0,
  "summary_bg_p05": 0.0,
  "summary_bg_p95": 36.37515739202131,
  "summary_bg_stdv": 15.59103811044031,
  "summary_csf_k": 0.755767072149029,
  "summary_csf_mad": 80.33110650864151,
  "summary_csf_mean": 229.12908067611184,
  "summary_csf_median": 228.0972685329616,
  "summary_csf_n": 59226.0,
  "summary_csf_p05": 86.501898676157,
  "summary_csf_p95": 386.43653841968626,
  "summary_csf_stdv": 89.5180601731043,
  "summary_gm_k": 0.020437765898639437,
  "summary_gm_mad": 68.76295739884445,
  "summary_gm_mean": 672.6671198724351,
  "summary_gm_median": 676.5288146920502,
  "summary_gm_n": 13590.0,
  "summary_gm_p05": 550.8733208069577,
  "summary_gm_p95": 781.9054751878604,
  "summary_gm_stdv": 69.66952270045711,
  "summary_wm_k": 0.6669454572610425,
  "summary_wm_mad": 45.97898859376192,
  "summary_wm_mean": 1001.1458028730968,
  "summary_wm_median": 999.9999715089798,
  "summary_wm_n": 140302.0,
  "summary_wm_p05": 925.6970585435629,
  "summary_wm_p95": 1079.6498424969614,
  "summary_wm_stdv": 47.537627533798506,
  "tpm_overlap_csf": 0.16837707305810065,
  "tpm_overlap_gm": 0.4416895343615602,
  "tpm_overlap_wm": 0.5049126540407547,
  "wm2max": 0.4288553326652285
}