{
  "bids_meta": {
    "AcquisitionMatrixPE": 256,
    "AcquisitionNumber": 1,
    "AcquisitionTime": "14:18:39.000000",
    "BodyPartExamined": "BRAIN",
    "CoilString": "32Ch Head",
    "ConversionSoftware": "dcm2niix",
    "ConversionSoftwareVersion": "v1.0.20211006",
    "Dcm2bidsVersion": "2.1.6",
    "DeviceSerialNumber": "000301496MR3T6MR",
    "EchoTime": 0.058803,
    "EchoTrainLength": 140,
    "FlipAngle": 90,
    "ImageOrientationPatientDICOM": [
      0,
      1,
      0,
      0,
      0,
      -1
    ],
    "ImageType": [
      "ORIGINAL",
      "PRIMARY",
      "OTHER"
    ],
    "ImagingFrequency": 127.697,
    "InPlanePhaseEncodingDirectionDICOM": "ROW",
    "InstitutionName": "NIH FMRIF",
    "MRAcquisitionType": "3D",
    "MagneticFieldStrength": 3,
    "Manufacturer": "GE",
    "ManufacturersModelName": "DISCOVERY MR750",
    "Modality": "MR",
    "ParallelReductionFactorInPlane": 2,
    "ParallelReductionOutOfPlane": 1.5,
    "PatientPosition": "HFS",
    "PercentPhaseFOV": 100,
    "PercentSampling": 100,
    "PhaseEncodingAxis": "i",
    "PixelBandwidth": 244.141,
    "ProcedureStepDescription": "MRI Brain",
    "ProtocolName": "ADNI3 FMRIF Enhanced Pro",
    "ReconMatrixPE": 256,
    "RepetitionTime": 3.202,
    "SAR": 0.4,
    "ScanOptions": "SAT_GEMS\\EDR_GEMS\\PROMO_GEMS\\ACC_GEMS\\FS\\FR_GEMS",
    "ScanningSequence": "RM",
    "SequenceVariant": "NONE",
    "SeriesDescription": "Sag_CUBE_T2",
    "SeriesNumber": 4,
    "SliceThickness": 1,
    "SoftwareVersions": "27\\LX\\MR Software release:DV26.0_R01_1725.a",
    "SpacingBetweenSlices": 1,
    "StationName": "fmrif3tb",
    "acq_id": "CUBE",
    "dataset": "ds004215",
    "modality": "T2w",
    "session_id": "01",
    "subject_id": "ON48190"
  },
  "cjv": 0.2020061758882618,
  "cnr": 5.044944404924527,
  "efc": 0.42172037894090747,
  "fber": 2320.618093101211,
  "fwhm_avg": 2.5529866666666665,
  "fwhm_x": 2.0764,
  "fwhm_y": 2.74474,
  "fwhm_z": 2.83782,
  "icvs_csf": 0.23831242795761015,
  "icvs_gm": 0.6933203048042084,
  "icvs_wm": 0.0683672672381815,
  "inu_med": 0.8056061863899231,
  "inu_range": 0.4054149210453033,
  "provenance": {
    "md5sum": "5a8c03ad544e7d5c0e784a39915b85f4",
    "settings": {
      "testing": false
    },
    "software": "mriqc",
    "version": "22.0.6",
    "warnings": {
      "large_rot_frame": true,
      "small_air_mask": false
    },
    "webapi_port": null,
    "webapi_url": "https://mriqc.nimh.nih.gov/api/v1"
  },
  "qi_1": 0.0,
  "qi_2": 0.009351371102706367,
  "rpve_csf": 23.322380547347006,
  "rpve_gm": 10.441746870592453,
  "rpve_wm": 87.68547947365309,
  "size_x": 204,
  "size_y": 256,
  "size_z": 256,
  "snr_csf": 6.24251442187195,
  "snr_gm": 9.386092688581563,
  "snr_total": 5.4918864639552725,
  "snr_wm": 0.8470522814123035,
  "snrd_csf": 106.66080486272767,
  "snrd_gm": 40.00116983256846,
  "snrd_total": 50.431669312799585,
  "snrd_wm": 4.633033243102618,
  "spacing_x": 1.0,
  "spacing_y": 1.0,
  "spacing_z": 1.0,
  "summary_bg_k": 148.39910410551644,
  "summary_bg_mad": 141.44663846191813,
  "summary_bg_mean": 150.9008140506418,
  "summary_bg_median": 95.40430784225464,
  "summary_bg_n": 3848118.0,
  "summary_bg_p05": 0.0,
  "summary_bg_p95": 425.8289837837219,
  "summary_bg_stdv": 223.50279378179172,
  "summary_csf_k": 2.9537969808612488,
  "summary_csf_mad": 2421.8424439089395,
  "summary_csf_mean": 22305.462315510104,
  "summary_csf_median": 23028.505672216415,
  "summary_csf_n": 74015.0,
  "summary_csf_p05": 15330.250629723072,
  "summary_csf_p95": 27238.86066269875,
  "summary_csf_stdv": 3688.9542496736217,
  "summary_gm_k": 0.05103511158514573,
  "summary_gm_mad": 915.9532319912015,
  "summary_gm_mean": 8706.989283997273,
  "summary_gm_median": 8636.41679406166,
  "summary_gm_n": 498952.0,
  "summary_gm_p05": 7318.208491802216,
  "summary_gm_p95": 10338.56926202774,
  "summary_gm_stdv": 920.128154072781,
  "summary_wm_k": 25.463182584723103,
  "summary_wm_mad": 626.5913587962409,
  "summary_wm_mean": 1359.8812212287417,
  "summary_wm_median": 1000.2908983826637,
  "summary_wm_n": 15588.0,
  "summary_wm_p05": 343.2228147983551,
  "summary_wm_p95": 3697.29505571723,
  "summary_wm_stdv": 1180.8702184398935,
  "tpm_overlap_csf": 0.15244532508442002,
  "tpm_overlap_gm": 0.4205073672772935,
  "tpm_overlap_wm": 0.021935337033130713,
  "wm2max": 0.034146874255302245
}