{
  "bids_meta": {
    "AcquisitionMatrixPE": 256,
    "AcquisitionNumber": 1,
    "AcquisitionTime": "15:25:21.000000",
    "BodyPartExamined": "BRAIN",
    "CoilString": "32Ch Head",
    "ConversionSoftware": "dcm2niix",
    "ConversionSoftwareVersion": "v1.0.20211006",
    "Dcm2bidsVersion": "2.1.6",
    "DeviceSerialNumber": "000301496MR3T6MR",
    "EchoTime": 0.003036,
    "FlipAngle": 11,
    "ImageOrientationPatientDICOM": [
      0,
      1,
      0,
      0,
      0,
      -1
    ],
    "ImageType": [
      "ORIGINAL",
      "PRIMARY",
      "OTHER"
    ],
    "ImagingFrequency": 127.697,
    "InPlanePhaseEncodingDirectionDICOM": "ROW",
    "InstitutionName": "NIH FMRIF",
    "InversionTime": 0.4,
    "MRAcquisitionType": "3D",
    "MagneticFieldStrength": 3,
    "Manufacturer": "GE",
    "ManufacturersModelName": "DISCOVERY MR750",
    "Modality": "MR",
    "ParallelReductionFactorInPlane": 1.72974,
    "PatientPosition": "HFS",
    "PercentPhaseFOV": 100,
    "PercentSampling": 100,
    "PixelBandwidth": 244.141,
    "ProcedureStepDescription": "MRI BRAIN",
    "ProtocolName": "ADNI3 FMRIF Enhanced Pro",
    "ReconMatrixPE": 256,
    "RepetitionTime": 0.007348,
    "SAR": 0.172465,
    "ScanOptions": "FAST_GEMS\\EDR_GEMS\\FILTERED_GEMS\\ACC_GEMS\\IR_GEMS",
    "ScanningSequence": "GR",
    "SequenceVariant": "SS\\SP\\SK",
    "SeriesDescription": "Accelerated Sagittal IR-FSPGR",
    "SeriesNumber": 3,
    "SliceThickness": 1.2,
    "SoftwareVersions": "27\\LX\\MR Software release:DV26.0_R01_1725.a",
    "SpacingBetweenSlices": 1.2,
    "SpoilingState": true,
    "StationName": "fmrif3tb",
    "acq_id": "FSPGR",
    "dataset": "ds004215",
    "modality": "T1w",
    "rec_id": "SCIC",
    "session_id": "01",
    "subject_id": "ON67563"
  },
  "cjv": 0.28323132486092334,
  "cnr": 4.849631397593178,
  "efc": 0.5254896800100192,
  "fber": -1.0,
  "fwhm_avg": 3.600047440796238,
  "fwhm_x": 3.432142061721959,
  "fwhm_y": 3.791646852787776,
  "fwhm_z": 3.57635340787898,
  "icvs_csf": 0.22289548150780597,
  "icvs_gm": 0.4590611387194096,
  "icvs_wm": 0.3180433797727844,
  "inu_med": 0.5534489750862122,
  "inu_range": 0.11891534924507141,
  "provenance": {
    "md5sum": "8566fafcf59b7de50423901499b264f0",
    "settings": {
      "testing": false
    },
    "software": "mriqc",
    "version": "22.0.6",
    "warnings": {
      "large_rot_frame": true,
      "small_air_mask": false
    },
    "webapi_port": null,
    "webapi_url": "https://mriqc.nimh.nih.gov/api/v1"
  },
  "qi_1": 0.0,
  "qi_2": 0.005646128808354486,
  "rpve_csf": 37.672437919991985,
  "rpve_gm": 19.537888248307095,
  "rpve_wm": 31.781328490473694,
  "size_x": 196,
  "size_y": 256,
  "size_z": 256,
  "snr_csf": 2.1280454024491147,
  "snr_gm": 10.805283524835408,
  "snr_total": 12.608339697697824,
  "snr_wm": 24.89169016580895,
  "snrd_csf": 16.724278454304926,
  "snrd_gm": 46.814536876109464,
  "snrd_total": 45.283018338166805,
  "snrd_wm": 72.31023968408603,
  "spacing_x": 1.1999969482421875,
  "spacing_y": 1.0547000169754028,
  "spacing_z": 1.0547000169754028,
  "summary_bg_k": 10.872907572614226,
  "summary_bg_mad": 0.0,
  "summary_bg_mean": 5.761217655099618,
  "summary_bg_median": 0.0,
  "summary_bg_n": 1288959.0,
  "summary_bg_p05": 0.0,
  "summary_bg_p95": 22.740098536014557,
  "summary_bg_stdv": 9.06007768162565,
  "summary_csf_k": 0.6980550829120986,
  "summary_csf_mad": 95.97564240895736,
  "summary_csf_mean": 237.66051940828328,
  "summary_csf_median": 231.28506058454514,
  "summary_csf_n": 17727.0,
  "summary_csf_p05": 70.84287631511688,
  "summary_csf_p95": 443.2393775522709,
  "summary_csf_stdv": 108.68120421736413,
  "summary_gm_k": -0.08778883405945503,
  "summary_gm_mad": 61.52284769804959,
  "summary_gm_mean": 648.1961470755135,
  "summary_gm_median": 647.4122651815414,
  "summary_gm_n": 32793.0,
  "summary_gm_p05": 551.7378652095795,
  "summary_gm_p95": 746.1408097743988,
  "summary_gm_stdv": 59.915354596869044,
  "summary_wm_k": 0.351213661335779,
  "summary_wm_mad": 38.3410386854245,
  "summary_wm_mean": 999.4466334710138,
  "summary_wm_median": 999.9999827742577,
  "summary_wm_n": 116642.0,
  "summary_wm_p05": 932.4768288731575,
  "summary_wm_p95": 1064.800964295864,
  "summary_wm_stdv": 40.1738768835445,
  "tpm_overlap_csf": 0.15245264518295992,
  "tpm_overlap_gm": 0.4720263047529942,
  "tpm_overlap_wm": 0.49221758047594055,
  "wm2max": 0.5098420865562006
}