{
  "bids_meta": {
    "AcquisitionMatrixPE": 256,
    "AcquisitionNumber": 1,
    "AcquisitionTime": "15:15:34.000000",
    "BodyPartExamined": "BRAIN",
    "CoilString": "32Ch Head",
    "ConversionSoftware": "dcm2niix",
    "ConversionSoftwareVersion": "v1.0.20211006",
    "Dcm2bidsVersion": "2.1.6",
    "DeviceSerialNumber": "000301496MR3T6MR",
    "EchoTime": 0.066091,
    "EchoTrainLength": 140,
    "FlipAngle": 90,
    "ImageOrientationPatientDICOM": [
      0,
      1,
      0,
      0,
      0,
      -1
    ],
    "ImageType": [
      "ORIGINAL",
      "PRIMARY",
      "OTHER"
    ],
    "ImagingFrequency": 127.697,
    "InPlanePhaseEncodingDirectionDICOM": "ROW",
    "InstitutionName": "NIH FMRIF",
    "MRAcquisitionType": "3D",
    "MagneticFieldStrength": 3,
    "Manufacturer": "GE",
    "ManufacturersModelName": "DISCOVERY MR750",
    "Modality": "MR",
    "ParallelReductionFactorInPlane": 2,
    "ParallelReductionOutOfPlane": 1.5,
    "PatientPosition": "HFS",
    "PercentPhaseFOV": 100,
    "PercentSampling": 100,
    "PhaseEncodingAxis": "i",
    "PixelBandwidth": 244.141,
    "ProcedureStepDescription": "MRI Brain",
    "ProtocolName": "ADNI3 FMRIF Enhanced Pro",
    "ReconMatrixPE": 256,
    "RepetitionTime": 3.202,
    "SAR": 0.4467,
    "ScanOptions": "SAT_GEMS\\EDR_GEMS\\PROMO_GEMS\\FILTERED_GEMS\\ACC_GEMS\\FS\\FR_GEMS",
    "ScanningSequence": "RM",
    "SequenceVariant": "NONE",
    "SeriesDescription": "Anat T2w CUBE (ABCD)",
    "SeriesNumber": 4,
    "SliceThickness": 1,
    "SoftwareVersions": "27\\LX\\MR Software release:DV26.0_R01_1725.a",
    "SpacingBetweenSlices": 1,
    "StationName": "fmrif3tb",
    "acq_id": "CUBE",
    "dataset": "ds004215",
    "modality": "T2w",
    "rec_id": "SCIC",
    "session_id": "01",
    "subject_id": "ON43585"
  },
  "cjv": 0.4234722739199965,
  "cnr": 1.4001327272795678,
  "efc": 0.43894425789503083,
  "fber": 7697.458268176226,
  "fwhm_avg": 2.22343,
  "fwhm_x": 1.84358,
  "fwhm_y": 2.53364,
  "fwhm_z": 2.29307,
  "icvs_csf": 0.305660647479842,
  "icvs_gm": 0.2117003131445589,
  "icvs_wm": 0.4826390393755991,
  "inu_med": 0.788725733757019,
  "inu_range": 0.13876169323921206,
  "provenance": {
    "md5sum": "14bfc9b65de7d93cffc682600eeb4c13",
    "settings": {
      "testing": false
    },
    "software": "mriqc",
    "version": "22.0.6",
    "warnings": {
      "large_rot_frame": true,
      "small_air_mask": false
    },
    "webapi_port": null,
    "webapi_url": "https://mriqc.nimh.nih.gov/api/v1"
  },
  "qi_1": 0.0,
  "qi_2": 0.02311417543295858,
  "rpve_csf": 19.351434489174412,
  "rpve_gm": 34.87475251538524,
  "rpve_wm": 14.691825895150526,
  "size_x": 204,
  "size_y": 256,
  "size_z": 256,
  "snr_csf": 11.927266523578492,
  "snr_gm": 2.2488381681601317,
  "snr_total": 8.89225285719568,
  "snr_wm": 12.50065387984842,
  "snrd_csf": 64.57041140858561,
  "snrd_gm": 122.34600739950675,
  "snrd_total": 77.63795734574653,
  "snrd_wm": 45.99745322914723,
  "spacing_x": 1.0,
  "spacing_y": 1.0,
  "spacing_z": 1.0,
  "summary_bg_k": 36.491171837285464,
  "summary_bg_mad": 14.243600234153773,
  "summary_bg_mean": 9.682705461782062,
  "summary_bg_median": 10.61314795166254,
  "summary_bg_n": 3096610.0,
  "summary_bg_p05": 0.0,
  "summary_bg_p95": 22.584376446902752,
  "summary_bg_stdv": 9.084005149564227,
  "summary_csf_k": 0.3355403090836795,
  "summary_csf_mad": 114.3216709893075,
  "summary_csf_mean": 1405.665574030754,
  "summary_csf_median": 1403.8528878241777,
  "summary_csf_n": 16467.0,
  "summary_csf_p05": 1216.151066917926,
  "summary_csf_p95": 1600.1558855064213,
  "summary_csf_stdv": 117.69756785033532,
  "summary_gm_k": -1.2770321720383695,
  "summary_gm_mad": 623.8100311973628,
  "summary_gm_mean": 2009.562206943218,
  "summary_gm_median": 2659.97679207474,
  "summary_gm_n": 56957.0,
  "summary_gm_p05": 75.09682413190603,
  "summary_gm_p95": 3121.6738776117563,
  "summary_gm_stdv": 1182.812297873455,
  "summary_wm_k": 0.13713097180186562,
  "summary_wm_mad": 79.12282643160813,
  "summary_wm_mean": 998.0622386135193,
  "summary_wm_median": 1000.0502728670835,
  "summary_wm_n": 169867.0,
  "summary_wm_p05": 864.3931163474917,
  "summary_wm_p95": 1125.1948799937963,
  "summary_wm_stdv": 79.99960152865141,
  "tpm_overlap_csf": 0.10222374757449212,
  "tpm_overlap_gm": 0.12034146700994088,
  "tpm_overlap_wm": 0.44905592695299573,
  "wm2max": 0.32193921336852505
}