{
  "bids_meta": {
    "AcquisitionMatrixPE": 256,
    "AcquisitionNumber": 1,
    "AcquisitionTime": "15:09:2.000000",
    "BodyPartExamined": "BRAIN",
    "CoilString": "32Ch Head",
    "ConversionSoftware": "dcm2niix",
    "ConversionSoftwareVersion": "v1.0.20211006",
    "Dcm2bidsVersion": "2.1.6",
    "DeviceSerialNumber": "000301496MR3T6MR",
    "EchoTime": 0.00292,
    "FlipAngle": 8,
    "ImageOrientationPatientDICOM": [
      0,
      1,
      0,
      0,
      0,
      -1
    ],
    "ImageType": [
      "ORIGINAL",
      "PRIMARY",
      "OTHER"
    ],
    "ImagingFrequency": 127.697,
    "InPlanePhaseEncodingDirectionDICOM": "ROW",
    "InstitutionName": "NIH FMRIF",
    "InversionTime": 1.06,
    "MRAcquisitionType": "3D",
    "MagneticFieldStrength": 3,
    "Manufacturer": "GE",
    "ManufacturersModelName": "DISCOVERY MR750",
    "Modality": "MR",
    "ParallelReductionFactorInPlane": 2,
    "ParallelReductionOutOfPlane": 2,
    "PatientPosition": "HFS",
    "PercentPhaseFOV": 100,
    "PercentSampling": 100,
    "PixelBandwidth": 244.141,
    "ProcedureStepDescription": "MRI Brain",
    "ProtocolName": "ADNI3 FMRIF Enhanced Pro",
    "ReconMatrixPE": 256,
    "RepetitionTime": 0.006952,
    "SAR": 0.108352,
    "ScanOptions": "EDR_GEMS\\PROMO_GEMS\\ACC_GEMS\\IR_GEMS",
    "ScanningSequence": "RM",
    "SequenceVariant": "NONE",
    "SeriesDescription": "ORIG Anat T1w MP-RAGE 1mm (ABCD)",
    "SeriesNumber": 40003,
    "SliceThickness": 1,
    "SoftwareVersions": "27\\LX\\MR Software release:DV26.0_R01_1725.a",
    "SpacingBetweenSlices": 1,
    "StationName": "fmrif3tb",
    "acq_id": "MPRAGE",
    "dataset": "ds004215",
    "modality": "T1w",
    "session_id": "01",
    "subject_id": "ON43585"
  },
  "cjv": 0.3554183400527128,
  "cnr": 3.740641223763174,
  "efc": 0.41802178565303455,
  "fber": 7471.079531146265,
  "fwhm_avg": 3.8034699999999995,
  "fwhm_x": 3.76904,
  "fwhm_y": 3.92358,
  "fwhm_z": 3.71779,
  "icvs_csf": 0.22353559640682133,
  "icvs_gm": 0.4330183118392213,
  "icvs_wm": 0.3434460917539574,
  "inu_med": 0.8161017298698425,
  "inu_range": 0.4761277318000794,
  "provenance": {
    "md5sum": "f96c094d2a1676cabad2316867724f9c",
    "settings": {
      "testing": false
    },
    "software": "mriqc",
    "version": "22.0.6",
    "warnings": {
      "large_rot_frame": true,
      "small_air_mask": false
    },
    "webapi_port": null,
    "webapi_url": "https://mriqc.nimh.nih.gov/api/v1"
  },
  "qi_1": 0.0,
  "qi_2": 0.00174361961440705,
  "rpve_csf": 28.60622804202419,
  "rpve_gm": 15.267547778815935,
  "rpve_wm": 22.485815226581696,
  "size_x": 208,
  "size_y": 256,
  "size_z": 256,
  "snr_csf": 1.1215330817940818,
  "snr_gm": 7.7267788847932275,
  "snr_total": 9.432441223815607,
  "snr_wm": 19.44901170485951,
  "snrd_csf": 6.091807676268984,
  "snrd_gm": 35.3120305593039,
  "snrd_total": 32.33334178844532,
  "snrd_wm": 55.59618712976305,
  "spacing_x": 1.0,
  "spacing_y": 1.0,
  "spacing_z": 1.0,
  "summary_bg_k": 1.7901305182559302,
  "summary_bg_mad": 11.783837433572735,
  "summary_bg_mean": 11.22667729185637,
  "summary_bg_median": 9.961127780377865,
  "summary_bg_n": 4244333.0,
  "summary_bg_p05": 0.0,
  "summary_bg_p95": 31.549355931580067,
  "summary_bg_stdv": 10.622971912204461,
  "summary_csf_k": 2.5143080834316605,
  "summary_csf_mad": 67.5640984728428,
  "summary_csf_mean": 137.0129520060718,
  "summary_csf_median": 109.57240558415651,
  "summary_csf_n": 33192.0,
  "summary_csf_p05": 30.92461621016264,
  "summary_csf_p95": 351.58963210880756,
  "summary_csf_stdv": 97.69730092302312,
  "summary_gm_k": 0.008339892789170467,
  "summary_gm_mad": 80.99458567879252,
  "summary_gm_mean": 633.0147169560034,
  "summary_gm_median": 635.1520501077175,
  "summary_gm_n": 27505.0,
  "summary_gm_p05": 492.5378548130393,
  "summary_gm_p95": 766.9651897743344,
  "summary_gm_stdv": 82.19990675971935,
  "summary_wm_k": 0.5860429859088283,
  "summary_wm_mad": 48.67908389589436,
  "summary_wm_mean": 998.9014227912445,
  "summary_wm_median": 1000.0000474154949,
  "summary_wm_n": 181691.0,
  "summary_wm_p05": 912.8141485154629,
  "summary_wm_p95": 1080.7997180521488,
  "summary_wm_stdv": 51.41635527098521,
  "tpm_overlap_csf": 0.15285829158967393,
  "tpm_overlap_gm": 0.46011742516938187,
  "tpm_overlap_wm": 0.5025267396067911,
  "wm2max": 0.5750439086699665
}