{
  "bids_meta": {
    "AcquisitionMatrixPE": 256,
    "AcquisitionNumber": 1,
    "AcquisitionTime": "15:09:2.000000",
    "BodyPartExamined": "BRAIN",
    "CoilString": "32Ch Head",
    "ConversionSoftware": "dcm2niix",
    "ConversionSoftwareVersion": "v1.0.20211006",
    "Dcm2bidsVersion": "2.1.6",
    "DeviceSerialNumber": "000301496MR3T6MR",
    "EchoTime": 0.00292,
    "FlipAngle": 8,
    "ImageOrientationPatientDICOM": [
      0,
      1,
      0,
      0,
      0,
      -1
    ],
    "ImageType": [
      "ORIGINAL",
      "PRIMARY",
      "OTHER"
    ],
    "ImagingFrequency": 127.697,
    "InPlanePhaseEncodingDirectionDICOM": "ROW",
    "InstitutionName": "NIH FMRIF",
    "InversionTime": 1.06,
    "MRAcquisitionType": "3D",
    "MagneticFieldStrength": 3,
    "Manufacturer": "GE",
    "ManufacturersModelName": "DISCOVERY MR750",
    "Modality": "MR",
    "ParallelReductionFactorInPlane": 2,
    "ParallelReductionOutOfPlane": 2,
    "PatientPosition": "HFS",
    "PercentPhaseFOV": 100,
    "PercentSampling": 100,
    "PixelBandwidth": 244.141,
    "ProcedureStepDescription": "MRI Brain",
    "ProtocolName": "ADNI3 FMRIF Enhanced Pro",
    "ReconMatrixPE": 256,
    "RepetitionTime": 0.006952,
    "SAR": 0.108352,
    "ScanOptions": "EDR_GEMS\\PROMO_GEMS\\FILTERED_GEMS\\ACC_GEMS\\IR_GEMS",
    "ScanningSequence": "RM",
    "SequenceVariant": "NONE",
    "SeriesDescription": "Anat T1w MP-RAGE 1mm (ABCD)",
    "SeriesNumber": 3,
    "SliceThickness": 1,
    "SoftwareVersions": "27\\LX\\MR Software release:DV26.0_R01_1725.a",
    "SpacingBetweenSlices": 1,
    "StationName": "fmrif3tb",
    "acq_id": "MPRAGE",
    "dataset": "ds004215",
    "modality": "T1w",
    "rec_id": "SCIC",
    "session_id": "01",
    "subject_id": "ON43585"
  },
  "cjv": 0.3521404674856625,
  "cnr": 3.7877467038887067,
  "efc": 0.6674525941685784,
  "fber": 14321.623525976505,
  "fwhm_avg": 3.4498533333333334,
  "fwhm_x": 3.39338,
  "fwhm_y": 3.61913,
  "fwhm_z": 3.33705,
  "icvs_csf": 0.23053230499967464,
  "icvs_gm": 0.42741318813234225,
  "icvs_wm": 0.34205450686798317,
  "inu_med": 0.4543975293636322,
  "inu_range": 0.06427386403083801,
  "provenance": {
    "md5sum": "558c16ffc24f91bff3448b949cb49a7e",
    "settings": {
      "testing": false
    },
    "software": "mriqc",
    "version": "22.0.6",
    "warnings": {
      "large_rot_frame": true,
      "small_air_mask": false
    },
    "webapi_port": null,
    "webapi_url": "https://mriqc.nimh.nih.gov/api/v1"
  },
  "qi_1": 0.0,
  "qi_2": 0.00611429141253933,
  "rpve_csf": 27.615587205877258,
  "rpve_gm": 15.275323412626465,
  "rpve_wm": 22.3827494417976,
  "size_x": 208,
  "size_y": 256,
  "size_z": 256,
  "snr_csf": 1.6390018594102225,
  "snr_gm": 8.372906663962661,
  "snr_total": 10.17287680562054,
  "snr_wm": 20.506721893488734,
  "snrd_csf": 13.02378816670477,
  "snrd_gm": 52.59901228210231,
  "snrd_total": 48.80609780647952,
  "snrd_wm": 80.79549297063147,
  "spacing_x": 1.0,
  "spacing_y": 1.0,
  "spacing_z": 1.0,
  "summary_bg_k": 7.216057256727369,
  "summary_bg_mad": 0.0,
  "summary_bg_mean": 5.001897253951406,
  "summary_bg_median": 0.0,
  "summary_bg_n": 829760.0,
  "summary_bg_p05": 0.0,
  "summary_bg_p95": 21.743027491495013,
  "summary_bg_stdv": 8.108368344434343,
  "summary_csf_k": 1.948702374766059,
  "summary_csf_mad": 74.23073010132067,
  "summary_csf_mean": 186.19219225640143,
  "summary_csf_median": 161.19035928323865,
  "summary_csf_n": 39383.0,
  "summary_csf_p05": 73.83665790427476,
  "summary_csf_p95": 396.5707967055962,
  "summary_csf_stdv": 98.3454118119978,
  "summary_gm_k": 0.062366688293421735,
  "summary_gm_mad": 76.67977464942051,
  "summary_gm_mean": 650.3549073854402,
  "summary_gm_median": 650.9975115666166,
  "summary_gm_n": 28126.0,
  "summary_gm_p05": 521.0131346136332,
  "summary_gm_p95": 778.6257536206394,
  "summary_gm_stdv": 77.74909774021542,
  "summary_wm_k": 0.7139689867999026,
  "summary_wm_mad": 46.20910410910857,
  "summary_wm_mean": 999.476850501737,
  "summary_wm_median": 999.9743833132088,
  "summary_wm_n": 184304.0,
  "summary_wm_p05": 919.1231020521373,
  "summary_wm_p95": 1077.7998239404524,
  "summary_wm_stdv": 48.76311658507583,
  "tpm_overlap_csf": 0.15015835558239587,
  "tpm_overlap_gm": 0.458870282424116,
  "tpm_overlap_wm": 0.5029009253279333,
  "wm2max": 0.6582709555600512
}