{
  "bids_meta": {
    "AcquisitionMatrixPE": 256,
    "AcquisitionNumber": 1,
    "AcquisitionTime": "15:07:19.000000",
    "BodyPartExamined": "BRAIN",
    "CoilString": "32Ch Head",
    "ConversionSoftware": "dcm2niix",
    "ConversionSoftwareVersion": "v1.0.20211006",
    "Dcm2bidsVersion": "2.1.6",
    "DeviceSerialNumber": "000301496MR3T6MR",
    "EchoTime": 0.065821,
    "EchoTrainLength": 140,
    "FlipAngle": 90,
    "ImageOrientationPatientDICOM": [
      0,
      1,
      0,
      0,
      0,
      -1
    ],
    "ImageType": [
      "ORIGINAL",
      "PRIMARY",
      "OTHER"
    ],
    "ImagingFrequency": 127.697,
    "InPlanePhaseEncodingDirectionDICOM": "ROW",
    "InstitutionName": "NIH FMRIF",
    "MRAcquisitionType": "3D",
    "MagneticFieldStrength": 3,
    "Manufacturer": "GE",
    "ManufacturersModelName": "DISCOVERY MR750",
    "Modality": "MR",
    "ParallelReductionFactorInPlane": 2,
    "ParallelReductionOutOfPlane": 1.5,
    "PatientPosition": "HFS",
    "PercentPhaseFOV": 100,
    "PercentSampling": 100,
    "PhaseEncodingAxis": "i",
    "PixelBandwidth": 244.141,
    "ProcedureStepDescription": "MRI Brain",
    "ProtocolName": "ADNI3 FMRIF Enhanced Pro",
    "ReconMatrixPE": 256,
    "RepetitionTime": 3.202,
    "SAR": 0.4517,
    "ScanOptions": "SAT_GEMS\\EDR_GEMS\\PROMO_GEMS\\ACC_GEMS\\FS\\FR_GEMS",
    "ScanningSequence": "RM",
    "SequenceVariant": "NONE",
    "SeriesDescription": "ORIG Anat T2w CUBE (ABCD)",
    "SeriesNumber": 40004,
    "SliceThickness": 1,
    "SoftwareVersions": "27\\LX\\MR Software release:DV26.0_R03_1831.b",
    "SpacingBetweenSlices": 1,
    "StationName": "FMRI3tb",
    "acq_id": "CUBE",
    "dataset": "ds004215",
    "modality": "T2w",
    "session_id": "01",
    "subject_id": "ON97504"
  },
  "cjv": 0.734524203205196,
  "cnr": 0.5271806343553934,
  "efc": 0.38326840968831927,
  "fber": 9169.095802494696,
  "fwhm_avg": 2.6596933333333332,
  "fwhm_x": 2.30256,
  "fwhm_y": 2.87421,
  "fwhm_z": 2.80231,
  "icvs_csf": 0.32578780065442103,
  "icvs_gm": 0.5033049374146558,
  "icvs_wm": 0.17090726193092312,
  "inu_med": 0.8899240493774414,
  "inu_range": 0.7540626853704452,
  "provenance": {
    "md5sum": "30e4a45a59af68f04dcb7a4b372f81c1",
    "settings": {
      "testing": false
    },
    "software": "mriqc",
    "version": "22.0.6",
    "warnings": {
      "large_rot_frame": true,
      "small_air_mask": false
    },
    "webapi_port": null,
    "webapi_url": "https://mriqc.nimh.nih.gov/api/v1"
  },
  "qi_1": 2.164355073387928e-05,
  "qi_2": 0.006962315210992368,
  "rpve_csf": 19.078205364762322,
  "rpve_gm": 14.503491943817677,
  "rpve_wm": 43.66131671619517,
  "size_x": 204,
  "size_y": 256,
  "size_z": 256,
  "snr_csf": 10.218474612885732,
  "snr_gm": 13.293854513786648,
  "snr_total": 7.92493707160902,
  "snr_wm": 0.26248208815467877,
  "snrd_csf": 73.04082684122187,
  "snrd_gm": 49.36070509693791,
  "snrd_total": 46.26295832552935,
  "snrd_wm": 16.38734303842824,
  "spacing_x": 1.0,
  "spacing_y": 1.0,
  "spacing_z": 1.0,
  "summary_bg_k": 211.3914690685188,
  "summary_bg_mad": 40.06193603010228,
  "summary_bg_mean": 28.70464803250501,
  "summary_bg_median": 27.021365225315094,
  "summary_bg_n": 4051203.0,
  "summary_bg_p05": 0.0,
  "summary_bg_p95": 87.55760204792023,
  "summary_bg_stdv": 47.158844045541436,
  "summary_csf_k": 0.2050318505484241,
  "summary_csf_mad": 455.74334204786896,
  "summary_csf_mean": 4482.63875804934,
  "summary_csf_median": 4466.485044181347,
  "summary_csf_n": 38920.0,
  "summary_csf_p05": 3791.788785338402,
  "summary_csf_p95": 5178.466597676277,
  "summary_csf_stdv": 437.09338552825477,
  "summary_gm_k": 0.05200103580687898,
  "summary_gm_mad": 228.88098336577815,
  "summary_gm_mean": 3019.4145999112347,
  "summary_gm_median": 3018.433123230934,
  "summary_gm_n": 181875.0,
  "summary_gm_p05": 2648.3032600283623,
  "summary_gm_p95": 3388.14405053854,
  "summary_gm_stdv": 227.05414911764524,
  "summary_wm_k": -1.2239649027828372,
  "summary_wm_mad": 1252.1684191734296,
  "summary_wm_mean": 3520.1682013512295,
  "summary_wm_median": 1002.0946607589722,
  "summary_wm_n": 44997.0,
  "summary_wm_p05": 129.03225564956665,
  "summary_wm_p95": 10356.556153047084,
  "summary_wm_stdv": 3817.7215543146845,
  "tpm_overlap_csf": 0.10211114032434415,
  "tpm_overlap_gm": 0.3264665462904695,
  "tpm_overlap_wm": 0.037985913432539334,
  "wm2max": 0.10035803210443636
}