{
  "bids_meta": {
    "AcquisitionMatrixPE": 256,
    "AcquisitionNumber": 1,
    "AcquisitionTime": "15:00:40.000000",
    "BodyPartExamined": "BRAIN",
    "CoilString": "32Ch Head",
    "ConversionSoftware": "dcm2niix",
    "ConversionSoftwareVersion": "v1.0.20211006",
    "Dcm2bidsVersion": "2.1.6",
    "DeviceSerialNumber": "000301496MR3T6MR",
    "EchoTime": 0.00292,
    "FlipAngle": 8,
    "ImageOrientationPatientDICOM": [
      0,
      1,
      0,
      0,
      0,
      -1
    ],
    "ImageType": [
      "ORIGINAL",
      "PRIMARY",
      "OTHER"
    ],
    "ImagingFrequency": 127.697,
    "InPlanePhaseEncodingDirectionDICOM": "ROW",
    "InstitutionName": "NIH FMRIF",
    "InversionTime": 1.06,
    "MRAcquisitionType": "3D",
    "MagneticFieldStrength": 3,
    "Manufacturer": "GE",
    "ManufacturersModelName": "DISCOVERY MR750",
    "Modality": "MR",
    "ParallelReductionFactorInPlane": 2,
    "ParallelReductionOutOfPlane": 2,
    "PatientPosition": "HFS",
    "PercentPhaseFOV": 100,
    "PercentSampling": 100,
    "PixelBandwidth": 244.141,
    "ProcedureStepDescription": "MRI Brain",
    "ProtocolName": "ADNI3 FMRIF Enhanced Pro",
    "ReconMatrixPE": 256,
    "RepetitionTime": 0.006952,
    "SAR": 0.101217,
    "ScanOptions": "EDR_GEMS\\PROMO_GEMS\\ACC_GEMS\\IR_GEMS",
    "ScanningSequence": "RM",
    "SequenceVariant": "NONE",
    "SeriesDescription": "ORIG Anat T1w MP-RAGE 1mm (ABCD)",
    "SeriesNumber": 40003,
    "SliceThickness": 1,
    "SoftwareVersions": "27\\LX\\MR Software release:DV26.0_R03_1831.b",
    "SpacingBetweenSlices": 1,
    "StationName": "FMRI3tb",
    "acq_id": "MPRAGE",
    "dataset": "ds004215",
    "modality": "T1w",
    "session_id": "01",
    "subject_id": "ON97504"
  },
  "cjv": 0.34482201687101705,
  "cnr": 3.8360138810431823,
  "efc": 0.423260021074878,
  "fber": 4811.3140495867765,
  "fwhm_avg": 4.163473333333333,
  "fwhm_x": 4.15329,
  "fwhm_y": 4.32622,
  "fwhm_z": 4.01091,
  "icvs_csf": 0.21518271424765495,
  "icvs_gm": 0.43784551831653573,
  "icvs_wm": 0.3469717674358093,
  "inu_med": 0.8570759296417236,
  "inu_range": 0.7711099803447721,
  "provenance": {
    "md5sum": "70ab177eb36f43fe1c9181cb8f4b9bf0",
    "settings": {
      "testing": false
    },
    "software": "mriqc",
    "version": "22.0.6",
    "warnings": {
      "large_rot_frame": true,
      "small_air_mask": false
    },
    "webapi_port": null,
    "webapi_url": "https://mriqc.nimh.nih.gov/api/v1"
  },
  "qi_1": 1.0186171525168672e-05,
  "qi_2": 0.001013871359623477,
  "rpve_csf": 29.665816393557485,
  "rpve_gm": 15.253606023601417,
  "rpve_wm": 22.338864581342786,
  "size_x": 208,
  "size_y": 256,
  "size_z": 256,
  "snr_csf": 1.3139597274069166,
  "snr_gm": 7.578457098276103,
  "snr_total": 9.09359248328769,
  "snr_wm": 18.38836062418005,
  "snrd_csf": 8.228162236599811,
  "snrd_gm": 30.851799052880498,
  "snrd_total": 29.70645918599577,
  "snrd_wm": 50.039416268507004,
  "spacing_x": 1.0,
  "spacing_y": 1.0,
  "spacing_z": 1.0,
  "summary_bg_k": 424.4908622780041,
  "summary_bg_mad": 13.092406500506435,
  "summary_bg_mean": 14.13221159802477,
  "summary_bg_median": 8.830693989992142,
  "summary_bg_n": 4168049.0,
  "summary_bg_p05": 0.0,
  "summary_bg_p95": 38.367842853069305,
  "summary_bg_stdv": 20.399846973347348,
  "summary_csf_k": -0.11742650739768612,
  "summary_csf_mad": 126.57874043377558,
  "summary_csf_mean": 192.72033312515157,
  "summary_csf_median": 164.43361222743988,
  "summary_csf_n": 30372.0,
  "summary_csf_p05": 35.800470828823755,
  "summary_csf_p95": 428.9148003945126,
  "summary_csf_stdv": 125.14151064292918,
  "summary_gm_k": -0.08089968427152883,
  "summary_gm_mad": 82.73046521440705,
  "summary_gm_mean": 615.8684303018259,
  "summary_gm_median": 616.549919180572,
  "summary_gm_n": 35497.0,
  "summary_gm_p05": 480.283175714314,
  "summary_gm_p95": 746.7645921967924,
  "summary_gm_stdv": 81.35445336545759,
  "summary_wm_k": 1.1323667649802793,
  "summary_wm_mad": 49.49155388337993,
  "summary_wm_mean": 999.4407807283832,
  "summary_wm_median": 999.9999676942825,
  "summary_wm_n": 183051.0,
  "summary_wm_p05": 910.7033810541034,
  "summary_wm_p95": 1086.3276141136885,
  "summary_wm_stdv": 54.38207661081401,
  "tpm_overlap_csf": 0.12916267834442038,
  "tpm_overlap_gm": 0.45999765742121407,
  "tpm_overlap_wm": 0.4752160596022917,
  "wm2max": 0.4880277896457563
}