{
  "bids_meta": {
    "AcquisitionMatrixPE": 256,
    "AcquisitionNumber": 1,
    "AcquisitionTime": "15:03:52.000000",
    "BodyPartExamined": "BRAIN",
    "CoilString": "32Ch Head",
    "ConversionSoftware": "dcm2niix",
    "ConversionSoftwareVersion": "v1.0.20211006",
    "Dcm2bidsVersion": "2.1.6",
    "DeviceSerialNumber": "000301496MR3T6MR",
    "EchoTime": 0.00292,
    "FlipAngle": 8,
    "ImageOrientationPatientDICOM": [
      0,
      1,
      0,
      0,
      0,
      -1
    ],
    "ImageType": [
      "ORIGINAL",
      "PRIMARY",
      "OTHER"
    ],
    "ImagingFrequency": 127.697,
    "InPlanePhaseEncodingDirectionDICOM": "ROW",
    "InstitutionName": "NIH FMRIF",
    "InversionTime": 1.06,
    "MRAcquisitionType": "3D",
    "MagneticFieldStrength": 3,
    "Manufacturer": "GE",
    "ManufacturersModelName": "DISCOVERY MR750",
    "Modality": "MR",
    "ParallelReductionFactorInPlane": 2,
    "ParallelReductionOutOfPlane": 2,
    "PatientPosition": "HFS",
    "PercentPhaseFOV": 100,
    "PercentSampling": 100,
    "PixelBandwidth": 244.141,
    "ProcedureStepDescription": "MRI Brain",
    "ProtocolName": "ADNI3 FMRIF Enhanced Pro",
    "ReconMatrixPE": 256,
    "RepetitionTime": 0.006952,
    "SAR": 0.0959729,
    "ScanOptions": "EDR_GEMS\\PROMO_GEMS\\FILTERED_GEMS\\ACC_GEMS\\IR_GEMS",
    "ScanningSequence": "RM",
    "SequenceVariant": "NONE",
    "SeriesDescription": "Anat T1w MP-RAGE 1mm (ABCD)",
    "SeriesNumber": 3,
    "SliceThickness": 1,
    "SoftwareVersions": "27\\LX\\MR Software release:DV26.0_R03_1831.b",
    "SpacingBetweenSlices": 1,
    "StationName": "FMRI3tb",
    "acq_id": "MPRAGE",
    "dataset": "ds004215",
    "modality": "T1w",
    "rec_id": "SCIC",
    "session_id": "01",
    "subject_id": "ON44262"
  },
  "cjv": 0.38677946808198743,
  "cnr": 3.450239868459201,
  "efc": 0.666431901689184,
  "fber": 20620.05781091527,
  "fwhm_avg": 3.5640466666666666,
  "fwhm_x": 3.43918,
  "fwhm_y": 3.77519,
  "fwhm_z": 3.47777,
  "icvs_csf": 0.23913490731635406,
  "icvs_gm": 0.39040800733817554,
  "icvs_wm": 0.37045708534547034,
  "inu_med": 0.39498619735240936,
  "inu_range": 0.05024895966053011,
  "provenance": {
    "md5sum": "d7b324adfe33e3540c12794ab76fcdf9",
    "settings": {
      "testing": false
    },
    "software": "mriqc",
    "version": "22.0.6",
    "warnings": {
      "large_rot_frame": true,
      "small_air_mask": false
    },
    "webapi_port": null,
    "webapi_url": "https://mriqc.nimh.nih.gov/api/v1"
  },
  "qi_1": 0.0,
  "qi_2": 0.002544641475279167,
  "rpve_csf": 29.022262429874523,
  "rpve_gm": 17.443772514397576,
  "rpve_wm": 22.450185979403276,
  "size_x": 208,
  "size_y": 256,
  "size_z": 256,
  "snr_csf": 1.5849028817330442,
  "snr_gm": 8.27753854785836,
  "snr_total": 10.204382560869186,
  "snr_wm": 20.75070625301616,
  "snrd_csf": 12.228450076793324,
  "snrd_gm": 49.841653251289024,
  "snrd_total": 45.390188710711605,
  "snrd_wm": 74.10046280405246,
  "spacing_x": 1.0,
  "spacing_y": 1.0,
  "spacing_z": 1.0,
  "summary_bg_k": 6.705370420426387,
  "summary_bg_mad": 0.0,
  "summary_bg_mean": 4.846398371384678,
  "summary_bg_median": 0.0,
  "summary_bg_n": 732101.0,
  "summary_bg_p05": 0.0,
  "summary_bg_p95": 24.579920254647732,
  "summary_bg_stdv": 8.841089717406433,
  "summary_csf_k": 1.3291485029750563,
  "summary_csf_mad": 83.04164897039571,
  "summary_csf_mean": 192.5598638262974,
  "summary_csf_median": 165.0233817473054,
  "summary_csf_n": 33034.0,
  "summary_csf_p05": 71.55603621024639,
  "summary_csf_p95": 407.3450579112394,
  "summary_csf_stdv": 104.12050217686448,
  "summary_gm_k": -0.041086007216526,
  "summary_gm_mad": 80.07342474066876,
  "summary_gm_mean": 671.7309814404398,
  "summary_gm_median": 672.6149364598095,
  "summary_gm_n": 22294.0,
  "summary_gm_p05": 534.894476490654,
  "summary_gm_p95": 807.179584633559,
  "summary_gm_stdv": 81.25602161689777,
  "summary_wm_k": 0.33758203762927286,
  "summary_wm_mad": 46.54793257369495,
  "summary_wm_mean": 1000.0962620038504,
  "summary_wm_median": 999.9884600397199,
  "summary_wm_n": 212364.0,
  "summary_wm_p05": 921.075806453824,
  "summary_wm_p95": 1078.9474034942687,
  "summary_wm_stdv": 48.19046125096322,
  "tpm_overlap_csf": 0.14676984964155468,
  "tpm_overlap_gm": 0.4532883101074905,
  "tpm_overlap_wm": 0.5178424319605655,
  "wm2max": 0.7300414440939728
}