{
  "bids_meta": {
    "AcquisitionMatrixPE": 256,
    "AcquisitionNumber": 1,
    "AcquisitionTime": "15:24:7.000000",
    "BodyPartExamined": "BRAIN",
    "CoilString": "32Ch Head",
    "ConversionSoftware": "dcm2niix",
    "ConversionSoftwareVersion": "v1.0.20211006",
    "Dcm2bidsVersion": "2.1.6",
    "DeviceSerialNumber": "000301496MR3T6MR",
    "EchoTime": 0.00292,
    "FlipAngle": 8,
    "ImageOrientationPatientDICOM": [
      0,
      1,
      0,
      0,
      0,
      -1
    ],
    "ImageType": [
      "ORIGINAL",
      "PRIMARY",
      "OTHER"
    ],
    "ImagingFrequency": 127.696,
    "InPlanePhaseEncodingDirectionDICOM": "ROW",
    "InstitutionName": "NIH FMRIF",
    "InversionTime": 1.06,
    "MRAcquisitionType": "3D",
    "MagneticFieldStrength": 3,
    "Manufacturer": "GE",
    "ManufacturersModelName": "DISCOVERY MR750",
    "Modality": "MR",
    "ParallelReductionFactorInPlane": 2,
    "ParallelReductionOutOfPlane": 2,
    "PatientPosition": "HFS",
    "PercentPhaseFOV": 100,
    "PercentSampling": 100,
    "PixelBandwidth": 244.141,
    "ProcedureStepDescription": "MRI Brain",
    "ProtocolName": "ADNI3 FMRIF Enhanced Pro",
    "ReconMatrixPE": 256,
    "RepetitionTime": 0.006952,
    "SAR": 0.0974385,
    "ScanOptions": "EDR_GEMS\\PROMO_GEMS\\FILTERED_GEMS\\ACC_GEMS\\IR_GEMS",
    "ScanningSequence": "RM",
    "SequenceVariant": "NONE",
    "SeriesDescription": "Anat T1w MP-RAGE 1mm (ABCD)",
    "SeriesNumber": 3,
    "SliceThickness": 1,
    "SoftwareVersions": "27\\LX\\MR Software release:DV26.0_R03_1831.b",
    "SpacingBetweenSlices": 1,
    "StationName": "FMRI3tb",
    "acq_id": "MPRAGE",
    "dataset": "ds004215",
    "modality": "T1w",
    "rec_id": "SCIC",
    "session_id": "01",
    "subject_id": "ON99620"
  },
  "cjv": 0.37367145878193664,
  "cnr": 3.6349111982641595,
  "efc": 0.6596228618590639,
  "fber": 14397.623860405842,
  "fwhm_avg": 3.4958033333333334,
  "fwhm_x": 3.52251,
  "fwhm_y": 3.58057,
  "fwhm_z": 3.38433,
  "icvs_csf": 0.2801991519112192,
  "icvs_gm": 0.406610830190809,
  "icvs_wm": 0.3131900178979718,
  "inu_med": 0.5127017498016357,
  "inu_range": 0.06424404233694075,
  "provenance": {
    "md5sum": "9dad5cd142f9c9a175b874ea1d8f4d3c",
    "settings": {
      "testing": false
    },
    "software": "mriqc",
    "version": "22.0.6",
    "warnings": {
      "large_rot_frame": true,
      "small_air_mask": false
    },
    "webapi_port": null,
    "webapi_url": "https://mriqc.nimh.nih.gov/api/v1"
  },
  "qi_1": 0.0,
  "qi_2": 0.002115497960066319,
  "rpve_csf": 25.74025559772692,
  "rpve_gm": 16.878708137860997,
  "rpve_wm": 25.279772917400287,
  "size_x": 208,
  "size_y": 256,
  "size_z": 256,
  "snr_csf": 2.027695252633558,
  "snr_gm": 8.439378664846553,
  "snr_total": 9.911850035286323,
  "snr_wm": 19.268476188378862,
  "snrd_csf": 13.51973292319485,
  "snrd_gm": 58.1122873423278,
  "snrd_total": 53.341676901360394,
  "snrd_wm": 88.39301043855855,
  "spacing_x": 1.0,
  "spacing_y": 1.0,
  "spacing_z": 1.0,
  "summary_bg_k": 7.273976641996082,
  "summary_bg_mad": 7.411631283682505,
  "summary_bg_mean": 6.793809660896526,
  "summary_bg_median": 4.999069333076477,
  "summary_bg_n": 942192.0,
  "summary_bg_p05": 0.0,
  "summary_bg_p95": 29.27646455168724,
  "summary_bg_stdv": 10.970042436281755,
  "summary_csf_k": 4.066216712394149,
  "summary_csf_mad": 54.04971537196125,
  "summary_csf_mean": 168.78701417587294,
  "summary_csf_median": 152.9502489566803,
  "summary_csf_n": 71598.0,
  "summary_csf_p05": 82.11237287521362,
  "summary_csf_p95": 327.07075881510957,
  "summary_csf_stdv": 75.43006309066159,
  "summary_gm_k": -0.060280683827473425,
  "summary_gm_mad": 78.17694061458727,
  "summary_gm_mean": 656.6819919799361,
  "summary_gm_median": 657.4307988882065,
  "summary_gm_n": 23706.0,
  "summary_gm_p05": 525.7664807885885,
  "summary_gm_p95": 784.3553078994155,
  "summary_gm_stdv": 77.8987362117981,
  "summary_wm_k": 0.3495197366725096,
  "summary_wm_mad": 49.83139331156748,
  "summary_wm_mean": 998.6333707436878,
  "summary_wm_median": 1000.0000021755695,
  "summary_wm_n": 150240.0,
  "summary_wm_p05": 911.2133399248123,
  "summary_wm_p95": 1081.5805591642857,
  "summary_wm_stdv": 51.898067308748544,
  "tpm_overlap_csf": 0.16199219944892876,
  "tpm_overlap_gm": 0.4438388754544843,
  "tpm_overlap_wm": 0.48686393073376893,
  "wm2max": 0.6325579921428199
}