{
  "bids_meta": {
    "AcquisitionMatrixPE": 256,
    "AcquisitionNumber": 1,
    "AcquisitionTime": "15:24:7.000000",
    "BodyPartExamined": "BRAIN",
    "CoilString": "32Ch Head",
    "ConversionSoftware": "dcm2niix",
    "ConversionSoftwareVersion": "v1.0.20211006",
    "Dcm2bidsVersion": "2.1.6",
    "DeviceSerialNumber": "000301496MR3T6MR",
    "EchoTime": 0.00292,
    "FlipAngle": 8,
    "ImageOrientationPatientDICOM": [
      0,
      1,
      0,
      0,
      0,
      -1
    ],
    "ImageType": [
      "ORIGINAL",
      "PRIMARY",
      "OTHER"
    ],
    "ImagingFrequency": 127.696,
    "InPlanePhaseEncodingDirectionDICOM": "ROW",
    "InstitutionName": "NIH FMRIF",
    "InversionTime": 1.06,
    "MRAcquisitionType": "3D",
    "MagneticFieldStrength": 3,
    "Manufacturer": "GE",
    "ManufacturersModelName": "DISCOVERY MR750",
    "Modality": "MR",
    "ParallelReductionFactorInPlane": 2,
    "ParallelReductionOutOfPlane": 2,
    "PatientPosition": "HFS",
    "PercentPhaseFOV": 100,
    "PercentSampling": 100,
    "PixelBandwidth": 244.141,
    "ProcedureStepDescription": "MRI Brain",
    "ProtocolName": "ADNI3 FMRIF Enhanced Pro",
    "ReconMatrixPE": 256,
    "RepetitionTime": 0.006952,
    "SAR": 0.0974385,
    "ScanOptions": "EDR_GEMS\\PROMO_GEMS\\ACC_GEMS\\IR_GEMS",
    "ScanningSequence": "RM",
    "SequenceVariant": "NONE",
    "SeriesDescription": "ORIG Anat T1w MP-RAGE 1mm (ABCD)",
    "SeriesNumber": 40003,
    "SliceThickness": 1,
    "SoftwareVersions": "27\\LX\\MR Software release:DV26.0_R03_1831.b",
    "SpacingBetweenSlices": 1,
    "StationName": "FMRI3tb",
    "acq_id": "MPRAGE",
    "dataset": "ds004215",
    "modality": "T1w",
    "session_id": "01",
    "subject_id": "ON99620"
  },
  "cjv": 0.3912879206304618,
  "cnr": 3.4645824520716344,
  "efc": 0.41423252903801444,
  "fber": 5225.318367768595,
  "fwhm_avg": 3.7508466666666664,
  "fwhm_x": 3.81796,
  "fwhm_y": 3.77619,
  "fwhm_z": 3.65839,
  "icvs_csf": 0.2720844388408993,
  "icvs_gm": 0.40451955600588907,
  "icvs_wm": 0.3233960051532117,
  "inu_med": 0.9094397127628326,
  "inu_range": 0.5292218625545502,
  "provenance": {
    "md5sum": "e0352c5de418a5c18644e35f164c729d",
    "settings": {
      "testing": false
    },
    "software": "mriqc",
    "version": "22.0.6",
    "warnings": {
      "large_rot_frame": true,
      "small_air_mask": false
    },
    "webapi_port": null,
    "webapi_url": "https://mriqc.nimh.nih.gov/api/v1"
  },
  "qi_1": 0.0,
  "qi_2": 0.0018333999333017955,
  "rpve_csf": 26.617480310014212,
  "rpve_gm": 17.008482683603464,
  "rpve_wm": 24.500130945607903,
  "size_x": 208,
  "size_y": 256,
  "size_z": 256,
  "snr_csf": 1.3909807834852692,
  "snr_gm": 7.661229728428105,
  "snr_total": 8.799597823225492,
  "snr_wm": 17.3465829577631,
  "snrd_csf": 5.4212471526294195,
  "snrd_gm": 31.741913517055874,
  "snrd_total": 28.810348547350983,
  "snrd_wm": 49.26788497236765,
  "spacing_x": 1.0,
  "spacing_y": 1.0,
  "spacing_z": 1.0,
  "summary_bg_k": 1.9924683410141917,
  "summary_bg_mad": 13.297985160654784,
  "summary_bg_mean": 12.224310039355403,
  "summary_bg_median": 8.969354689121246,
  "summary_bg_n": 4349021.0,
  "summary_bg_p05": 0.0,
  "summary_bg_p95": 36.33419144898653,
  "summary_bg_stdv": 12.138979971080287,
  "summary_csf_k": 4.52277244205133,
  "summary_csf_mad": 54.17697658044541,
  "summary_csf_mean": 127.69750468143658,
  "summary_csf_median": 110.04069410264492,
  "summary_csf_n": 64085.0,
  "summary_csf_p05": 38.20280700922012,
  "summary_csf_p95": 297.56664676964283,
  "summary_csf_stdv": 79.10952965929563,
  "summary_gm_k": -0.027914612073141498,
  "summary_gm_mad": 83.85118420746211,
  "summary_gm_mean": 643.7183547675033,
  "summary_gm_median": 644.2986451685429,
  "summary_gm_n": 20435.0,
  "summary_gm_p05": 505.42728921100496,
  "summary_gm_p95": 782.4225549019873,
  "summary_gm_stdv": 84.09653583400518,
  "summary_wm_k": 0.64629870136091,
  "summary_wm_mad": 55.346706756614125,
  "summary_wm_mean": 999.5864108055565,
  "summary_wm_median": 1000.0415230467916,
  "summary_wm_n": 150624.0,
  "summary_wm_p05": 905.2404269576073,
  "summary_wm_p95": 1092.0189334005117,
  "summary_wm_stdv": 57.65044365304151,
  "tpm_overlap_csf": 0.16042589318834732,
  "tpm_overlap_gm": 0.4405614789726792,
  "tpm_overlap_wm": 0.48487244969802107,
  "wm2max": 0.4436297794820305
}