{
  "bids_meta": {
    "AcquisitionMatrixPE": 256,
    "AcquisitionNumber": 1,
    "AcquisitionTime": "15:30:51.000000",
    "BodyPartExamined": "BRAIN",
    "CoilString": "32Ch Head",
    "ConversionSoftware": "dcm2niix",
    "ConversionSoftwareVersion": "v1.0.20211006",
    "Dcm2bidsVersion": "2.1.6",
    "DeviceSerialNumber": "000301496MR3T6MR",
    "EchoTime": 0.065618,
    "EchoTrainLength": 140,
    "FlipAngle": 90,
    "ImageOrientationPatientDICOM": [
      0,
      1,
      0,
      0,
      0,
      -1
    ],
    "ImageType": [
      "ORIGINAL",
      "PRIMARY",
      "OTHER"
    ],
    "ImagingFrequency": 127.696,
    "InPlanePhaseEncodingDirectionDICOM": "ROW",
    "InstitutionName": "NIH FMRIF",
    "MRAcquisitionType": "3D",
    "MagneticFieldStrength": 3,
    "Manufacturer": "GE",
    "ManufacturersModelName": "DISCOVERY MR750",
    "Modality": "MR",
    "ParallelReductionFactorInPlane": 2,
    "ParallelReductionOutOfPlane": 1.5,
    "PatientPosition": "HFS",
    "PercentPhaseFOV": 100,
    "PercentSampling": 100,
    "PhaseEncodingAxis": "i",
    "PixelBandwidth": 244.141,
    "ProcedureStepDescription": "MRI Brain",
    "ProtocolName": "ADNI3 FMRIF Enhanced Pro",
    "ReconMatrixPE": 256,
    "RepetitionTime": 3.202,
    "SAR": 0.4644,
    "ScanOptions": "SAT_GEMS\\EDR_GEMS\\PROMO_GEMS\\FILTERED_GEMS\\ACC_GEMS\\FS\\FR_GEMS",
    "ScanningSequence": "RM",
    "SequenceVariant": "NONE",
    "SeriesDescription": "Anat T2w CUBE (ABCD)",
    "SeriesNumber": 4,
    "SliceThickness": 1,
    "SoftwareVersions": "27\\LX\\MR Software release:DV26.0_R03_1831.b",
    "SpacingBetweenSlices": 1,
    "StationName": "FMRI3tb",
    "acq_id": "CUBE",
    "dataset": "ds004215",
    "modality": "T2w",
    "rec_id": "SCIC",
    "session_id": "01",
    "subject_id": "ON99620"
  },
  "cjv": 0.2324318442835454,
  "cnr": 4.81782497241334,
  "efc": 0.39859675361580243,
  "fber": 6586.915952544776,
  "fwhm_avg": 2.4291966666666664,
  "fwhm_x": 2.06064,
  "fwhm_y": 2.66323,
  "fwhm_z": 2.56372,
  "icvs_csf": 0.22994536985519223,
  "icvs_gm": 0.7017418386048202,
  "icvs_wm": 0.06831279153998755,
  "inu_med": 0.6795855164527893,
  "inu_range": 0.16426725685596466,
  "provenance": {
    "md5sum": "d3fef17419207ceff436f9c2dab49811",
    "settings": {
      "testing": false
    },
    "software": "mriqc",
    "version": "22.0.6",
    "warnings": {
      "large_rot_frame": true,
      "small_air_mask": false
    },
    "webapi_port": null,
    "webapi_url": "https://mriqc.nimh.nih.gov/api/v1"
  },
  "qi_1": 0.0,
  "qi_2": 0.020862379724646978,
  "rpve_csf": 28.37617949166201,
  "rpve_gm": 12.10182656173349,
  "rpve_wm": 104.64215740058621,
  "size_x": 204,
  "size_y": 256,
  "size_z": 256,
  "snr_csf": 6.633120822992096,
  "snr_gm": 8.663944646921605,
  "snr_total": 5.377983389514317,
  "snr_wm": 0.836884698629254,
  "snrd_csf": 123.48605136662833,
  "snrd_gm": 43.03310286487924,
  "snrd_total": 57.2051287227952,
  "snrd_wm": 5.096231936878063,
  "spacing_x": 1.0,
  "spacing_y": 1.0,
  "spacing_z": 1.0,
  "summary_bg_k": 35.14722266672214,
  "summary_bg_mad": 128.66635901169045,
  "summary_bg_mean": 90.3323240238508,
  "summary_bg_median": 86.78414034843445,
  "summary_bg_n": 3275245.0,
  "summary_bg_p05": 0.0,
  "summary_bg_p95": 271.80616545677185,
  "summary_bg_stdv": 99.04908101741455,
  "summary_csf_k": 5.994260096589562,
  "summary_csf_mad": 2597.1663787308985,
  "summary_csf_mean": 23253.048820016225,
  "summary_csf_median": 24252.202469706535,
  "summary_csf_n": 60418.0,
  "summary_csf_p05": 16015.352308356762,
  "summary_csf_p95": 26650.22007369995,
  "summary_csf_stdv": 3656.19780079374,
  "summary_gm_k": -0.04098303101929268,
  "summary_gm_mad": 987.5306336328728,
  "summary_gm_mean": 8524.372670794144,
  "summary_gm_median": 8451.541789770126,
  "summary_gm_n": 439376.0,
  "summary_gm_p05": 7046.255456209183,
  "summary_gm_p95": 10243.612261533737,
  "summary_gm_stdv": 975.4831680628546,
  "summary_wm_k": 5.659610396290413,
  "summary_wm_mad": 744.2401832173667,
  "summary_wm_mean": 1385.6208257068954,
  "summary_wm_median": 1000.8810501098633,
  "summary_wm_n": 13596.0,
  "summary_wm_p05": 263.87665009498596,
  "summary_wm_p95": 3922.9074609279633,
  "summary_wm_stdv": 1195.916526074656,
  "tpm_overlap_csf": 0.1530582927501098,
  "tpm_overlap_gm": 0.41594897761412125,
  "tpm_overlap_wm": 0.019547639857839114,
  "wm2max": 0.03709448317523551
}