{
  "bids_meta": {
    "AcquisitionMatrixPE": 256,
    "AcquisitionNumber": 1,
    "AcquisitionTime": "15:30:51.000000",
    "BodyPartExamined": "BRAIN",
    "CoilString": "32Ch Head",
    "ConversionSoftware": "dcm2niix",
    "ConversionSoftwareVersion": "v1.0.20211006",
    "Dcm2bidsVersion": "2.1.6",
    "DeviceSerialNumber": "000301496MR3T6MR",
    "EchoTime": 0.065618,
    "EchoTrainLength": 140,
    "FlipAngle": 90,
    "ImageOrientationPatientDICOM": [
      0,
      1,
      0,
      0,
      0,
      -1
    ],
    "ImageType": [
      "ORIGINAL",
      "PRIMARY",
      "OTHER"
    ],
    "ImagingFrequency": 127.696,
    "InPlanePhaseEncodingDirectionDICOM": "ROW",
    "InstitutionName": "NIH FMRIF",
    "MRAcquisitionType": "3D",
    "MagneticFieldStrength": 3,
    "Manufacturer": "GE",
    "ManufacturersModelName": "DISCOVERY MR750",
    "Modality": "MR",
    "ParallelReductionFactorInPlane": 2,
    "ParallelReductionOutOfPlane": 1.5,
    "PatientPosition": "HFS",
    "PercentPhaseFOV": 100,
    "PercentSampling": 100,
    "PhaseEncodingAxis": "i",
    "PixelBandwidth": 244.141,
    "ProcedureStepDescription": "MRI Brain",
    "ProtocolName": "ADNI3 FMRIF Enhanced Pro",
    "ReconMatrixPE": 256,
    "RepetitionTime": 3.202,
    "SAR": 0.4644,
    "ScanOptions": "SAT_GEMS\\EDR_GEMS\\PROMO_GEMS\\ACC_GEMS\\FS\\FR_GEMS",
    "ScanningSequence": "RM",
    "SequenceVariant": "NONE",
    "SeriesDescription": "ORIG Anat T2w CUBE (ABCD)",
    "SeriesNumber": 40004,
    "SliceThickness": 1,
    "SoftwareVersions": "27\\LX\\MR Software release:DV26.0_R03_1831.b",
    "SpacingBetweenSlices": 1,
    "StationName": "FMRI3tb",
    "acq_id": "CUBE",
    "dataset": "ds004215",
    "modality": "T2w",
    "session_id": "01",
    "subject_id": "ON99620"
  },
  "cjv": 0.24794020592474206,
  "cnr": 4.5131596605713025,
  "efc": 0.35994345927740257,
  "fber": 9790.716984314386,
  "fwhm_avg": 2.47091,
  "fwhm_x": 2.10712,
  "fwhm_y": 2.66526,
  "fwhm_z": 2.64035,
  "icvs_csf": 0.23330944375228657,
  "icvs_gm": 0.6982121390342435,
  "icvs_wm": 0.06847841721346991,
  "inu_med": 0.7912537157535553,
  "inu_range": 0.4395363688468935,
  "provenance": {
    "md5sum": "a2177b04bfeebabfa4778784859a654e",
    "settings": {
      "testing": false
    },
    "software": "mriqc",
    "version": "22.0.6",
    "warnings": {
      "large_rot_frame": true,
      "small_air_mask": false
    },
    "webapi_port": null,
    "webapi_url": "https://mriqc.nimh.nih.gov/api/v1"
  },
  "qi_1": 0.0,
  "qi_2": 0.017224272967297484,
  "rpve_csf": 27.902647761175256,
  "rpve_gm": 12.136248617029434,
  "rpve_wm": 103.83924405039664,
  "size_x": 204,
  "size_y": 256,
  "size_z": 256,
  "snr_csf": 6.522792139719854,
  "snr_gm": 8.398412280916638,
  "snr_total": 5.254815045052195,
  "snr_wm": 0.8432407145200912,
  "snrd_csf": 112.82474767594115,
  "snrd_gm": 40.59730690587473,
  "snrd_total": 52.86836920685479,
  "snrd_wm": 5.1830530387484535,
  "spacing_x": 1.0,
  "spacing_y": 1.0,
  "spacing_z": 1.0,
  "summary_bg_k": 15.215893737590992,
  "summary_bg_mad": 0.0,
  "summary_bg_mean": 98.40472823716487,
  "summary_bg_median": 0.0,
  "summary_bg_n": 4176862.0,
  "summary_bg_p05": 0.0,
  "summary_bg_p95": 332.3836714029312,
  "summary_bg_stdv": 126.63978739326537,
  "summary_csf_k": 5.759269372274982,
  "summary_csf_mad": 2193.983804849931,
  "summary_csf_mean": 21075.08886959434,
  "summary_csf_median": 21809.35459910333,
  "summary_csf_n": 59824.0,
  "summary_csf_p05": 14653.371570706367,
  "summary_csf_p95": 25039.886468231678,
  "summary_csf_stdv": 3343.533237281825,
  "summary_gm_k": -0.010772282703955582,
  "summary_gm_mad": 940.5301983890607,
  "summary_gm_mean": 7926.223537962209,
  "summary_gm_median": 7847.578481823206,
  "summary_gm_n": 431030.0,
  "summary_gm_p05": 6529.914641618729,
  "summary_gm_p95": 9590.693421423435,
  "summary_gm_stdv": 934.4110667636452,
  "summary_wm_k": 6.453318802061206,
  "summary_wm_mad": 756.7888946618565,
  "summary_wm_mean": 1377.66285155345,
  "summary_wm_median": 1001.8993523716927,
  "summary_wm_n": 13031.0,
  "summary_wm_p05": 270.655275285244,
  "summary_wm_p95": 3885.565118700266,
  "summary_wm_stdv": 1188.1078456765688,
  "tpm_overlap_csf": 0.15538338691467893,
  "tpm_overlap_gm": 0.4166083994944064,
  "tpm_overlap_wm": 0.021650184387905974,
  "wm2max": 0.03892773462723465
}