{
  "bids_meta": {
    "AcquisitionMatrixPE": 256,
    "AcquisitionNumber": 1,
    "AcquisitionTime": "15:05:15.000000",
    "BodyPartExamined": "BRAIN",
    "CoilString": "32Ch Head",
    "ConversionSoftware": "dcm2niix",
    "ConversionSoftwareVersion": "v1.0.20211006",
    "Dcm2bidsVersion": "2.1.6",
    "DeviceSerialNumber": "000301496MR3T6MR",
    "EchoTime": 0.058743,
    "EchoTrainLength": 140,
    "FlipAngle": 90,
    "ImageOrientationPatientDICOM": [
      0,
      1,
      0,
      0,
      0,
      -1
    ],
    "ImageType": [
      "ORIGINAL",
      "PRIMARY",
      "OTHER"
    ],
    "ImagingFrequency": 127.697,
    "InPlanePhaseEncodingDirectionDICOM": "ROW",
    "InstitutionName": "NIH FMRIF",
    "MRAcquisitionType": "3D",
    "MagneticFieldStrength": 3,
    "Manufacturer": "GE",
    "ManufacturersModelName": "DISCOVERY MR750",
    "Modality": "MR",
    "ParallelReductionFactorInPlane": 2,
    "ParallelReductionOutOfPlane": 1.5,
    "PatientPosition": "HFS",
    "PercentPhaseFOV": 100,
    "PercentSampling": 100,
    "PhaseEncodingAxis": "i",
    "PixelBandwidth": 244.141,
    "ProcedureStepDescription": "MRI Brain",
    "ProtocolName": "ADNI3 FMRIF Enhanced Pro",
    "ReconMatrixPE": 256,
    "RepetitionTime": 3.202,
    "SAR": 0.3856,
    "ScanOptions": "SAT_GEMS\\EDR_GEMS\\PROMO_GEMS\\ACC_GEMS\\FS\\FR_GEMS",
    "ScanningSequence": "RM",
    "SequenceVariant": "NONE",
    "SeriesDescription": "Sag_CUBE_T2",
    "SeriesNumber": 4,
    "SliceThickness": 1,
    "SoftwareVersions": "27\\LX\\MR Software release:DV26.0_R01_1725.a",
    "SpacingBetweenSlices": 1,
    "StationName": "fmrif3tb",
    "acq_id": "CUBE",
    "dataset": "ds004215",
    "modality": "T2w",
    "session_id": "01",
    "subject_id": "ON87054"
  },
  "cjv": 1.3944847934171916,
  "cnr": 0.8804926546898613,
  "efc": 0.39950752113985694,
  "fber": 10098.772112889274,
  "fwhm_avg": 2.46083,
  "fwhm_x": 2.06916,
  "fwhm_y": 2.68752,
  "fwhm_z": 2.62581,
  "icvs_csf": 0.3009624773946246,
  "icvs_gm": 0.48189377045862836,
  "icvs_wm": 0.21714375214674703,
  "inu_med": 0.9337932467460632,
  "inu_range": 0.6770374417304992,
  "provenance": {
    "md5sum": "cd68717315bba48630172c577939fa97",
    "settings": {
      "testing": false
    },
    "software": "mriqc",
    "version": "22.0.6",
    "warnings": {
      "large_rot_frame": true,
      "small_air_mask": false
    },
    "webapi_port": null,
    "webapi_url": "https://mriqc.nimh.nih.gov/api/v1"
  },
  "qi_1": 0.00011090571601570165,
  "qi_2": 0.02359516431097601,
  "rpve_csf": 19.041947987086726,
  "rpve_gm": 14.025747128873437,
  "rpve_wm": 31.889528611716415,
  "size_x": 204,
  "size_y": 256,
  "size_z": 256,
  "snr_csf": 12.489128087340793,
  "snr_gm": 13.101708057813827,
  "snr_total": 9.097784459144528,
  "snr_wm": 1.7025172322789641,
  "snrd_csf": 72.24034993728912,
  "snrd_gm": 51.5121412853544,
  "snrd_total": 76.89010035555707,
  "snrd_wm": 106.91780984402767,
  "spacing_x": 1.0,
  "spacing_y": 1.0,
  "spacing_z": 1.0,
  "summary_bg_k": 3.7915305270056106,
  "summary_bg_mad": 0.0,
  "summary_bg_mean": 4.328913597618749,
  "summary_bg_median": 0.0,
  "summary_bg_n": 4971549.0,
  "summary_bg_p05": 0.0,
  "summary_bg_p95": 15.52349604666233,
  "summary_bg_stdv": 6.1297513664444025,
  "summary_csf_k": 0.5636382048087647,
  "summary_csf_mad": 51.63403284224421,
  "summary_csf_mean": 677.8568922989886,
  "summary_csf_median": 675.9132659099996,
  "summary_csf_n": 25061.0,
  "summary_csf_p05": 592.9638022519648,
  "summary_csf_p95": 769.3242160342634,
  "summary_csf_stdv": 54.119052642236774,
  "summary_gm_k": 0.17233282096714753,
  "summary_gm_mad": 36.474040641469024,
  "summary_gm_mean": 481.42593356657807,
  "summary_gm_median": 481.97080551832914,
  "summary_gm_n": 177668.0,
  "summary_gm_p05": 420.79979441184554,
  "summary_gm_p95": 540.4538895376027,
  "summary_gm_stdv": 36.78676452025808,
  "summary_wm_k": -1.5110595513364091,
  "summary_wm_mad": 686.42743563873,
  "summary_wm_mean": 809.4106025949472,
  "summary_wm_median": 1000.3712066505104,
  "summary_wm_n": 70122.0,
  "summary_wm_p05": 34.89411937445402,
  "summary_wm_p95": 1595.3075053023174,
  "summary_wm_stdv": 587.579411580652,
  "tpm_overlap_csf": 0.09400249943394672,
  "tpm_overlap_gm": 0.30346304597225887,
  "tpm_overlap_wm": 0.04310556269483605,
  "wm2max": 0.6168404186694967
}