{
  "bids_meta": {
    "AcquisitionMatrixPE": 256,
    "AcquisitionNumber": 1,
    "AcquisitionTime": "14:59:4.000000",
    "BodyPartExamined": "BRAIN",
    "CoilString": "32Ch Head",
    "ConversionSoftware": "dcm2niix",
    "ConversionSoftwareVersion": "v1.0.20211006",
    "Dcm2bidsVersion": "2.1.6",
    "DeviceSerialNumber": "000301496MR3T6MR",
    "EchoTime": 0.003036,
    "FlipAngle": 11,
    "ImageOrientationPatientDICOM": [
      0,
      1,
      0,
      0,
      0,
      -1
    ],
    "ImageType": [
      "ORIGINAL",
      "PRIMARY",
      "OTHER"
    ],
    "ImagingFrequency": 127.697,
    "InPlanePhaseEncodingDirectionDICOM": "ROW",
    "InstitutionName": "NIH FMRIF",
    "InversionTime": 0.4,
    "MRAcquisitionType": "3D",
    "MagneticFieldStrength": 3,
    "Manufacturer": "GE",
    "ManufacturersModelName": "DISCOVERY MR750",
    "Modality": "MR",
    "ParallelReductionFactorInPlane": 1.72974,
    "PatientPosition": "HFS",
    "PercentPhaseFOV": 100,
    "PercentSampling": 100,
    "PixelBandwidth": 244.141,
    "ProcedureStepDescription": "MRI Brain",
    "ProtocolName": "ADNI3 FMRIF Enhanced Pro",
    "ReconMatrixPE": 256,
    "RepetitionTime": 0.007348,
    "SAR": 0.199004,
    "ScanOptions": "FAST_GEMS\\EDR_GEMS\\FILTERED_GEMS\\ACC_GEMS\\IR_GEMS",
    "ScanningSequence": "GR",
    "SequenceVariant": "SS\\SP\\SK",
    "SeriesDescription": "Accelerated Sagittal IR-FSPGR",
    "SeriesNumber": 3,
    "SliceThickness": 1.2,
    "SoftwareVersions": "27\\LX\\MR Software release:DV26.0_R01_1725.a",
    "SpacingBetweenSlices": 1.2,
    "SpoilingState": true,
    "StationName": "fmrif3tb",
    "acq_id": "FSPGR",
    "dataset": "ds004215",
    "modality": "T1w",
    "rec_id": "SCIC",
    "session_id": "01",
    "subject_id": "ON87054"
  },
  "cjv": 0.30640725928877466,
  "cnr": 4.323775947790855,
  "efc": 0.5871300760358754,
  "fber": 16733.49855204999,
  "fwhm_avg": 3.4989583322271933,
  "fwhm_x": 3.2934333756341947,
  "fwhm_y": 3.7727884099321103,
  "fwhm_z": 3.4306532111152745,
  "icvs_csf": 0.21358424071962215,
  "icvs_gm": 0.4431930751149537,
  "icvs_wm": 0.3432226841654242,
  "inu_med": 0.4906478822231293,
  "inu_range": 0.09134205579757693,
  "provenance": {
    "md5sum": "c0540190102e633bcd960798ff8ce271",
    "settings": {
      "testing": false
    },
    "software": "mriqc",
    "version": "22.0.6",
    "warnings": {
      "large_rot_frame": true,
      "small_air_mask": false
    },
    "webapi_port": null,
    "webapi_url": "https://mriqc.nimh.nih.gov/api/v1"
  },
  "qi_1": 0.0,
  "qi_2": 0.0032701874973009785,
  "rpve_csf": 34.83225579607834,
  "rpve_gm": 17.914326513195974,
  "rpve_wm": 26.8524587065408,
  "size_x": 196,
  "size_y": 256,
  "size_z": 256,
  "snr_csf": 1.9650081972767415,
  "snr_gm": 9.861442655756692,
  "snr_total": 11.80188395149978,
  "snr_wm": 23.579201001465908,
  "snrd_csf": 14.491397980989952,
  "snrd_gm": 47.43406632444406,
  "snrd_total": 44.72694220180214,
  "snrd_wm": 72.25536229997239,
  "spacing_x": 1.1999969482421875,
  "spacing_y": 1.0547000169754028,
  "spacing_z": 1.0547000169754028,
  "summary_bg_k": 18.288457366600202,
  "summary_bg_mad": 0.0,
  "summary_bg_mean": 5.323331187790648,
  "summary_bg_median": 0.0,
  "summary_bg_n": 1041036.0,
  "summary_bg_p05": 0.0,
  "summary_bg_p95": 20.89687743782997,
  "summary_bg_stdv": 9.067252667817543,
  "summary_csf_k": 1.2579932808741967,
  "summary_csf_mad": 91.88688754954623,
  "summary_csf_mean": 214.19907043511893,
  "summary_csf_median": 200.56459540873766,
  "summary_csf_n": 18887.0,
  "summary_csf_p05": 72.90868620350957,
  "summary_csf_p95": 408.06669453829534,
  "summary_csf_stdv": 102.06536849191068,
  "summary_gm_k": 0.23694548125263237,
  "summary_gm_mad": 64.17649633041606,
  "summary_gm_mean": 656.9040372889722,
  "summary_gm_median": 656.4994166493416,
  "summary_gm_n": 22845.0,
  "summary_gm_p05": 546.9011352300644,
  "summary_gm_p95": 766.0392906472086,
  "summary_gm_stdv": 66.57089341292624,
  "summary_wm_k": 0.3077590016985581,
  "summary_wm_mad": 41.08450364780759,
  "summary_wm_mean": 999.5932768238034,
  "summary_wm_median": 1000.0324002429843,
  "summary_wm_n": 140779.0,
  "summary_wm_p05": 929.2620746344328,
  "summary_wm_p95": 1068.0445976182818,
  "summary_wm_stdv": 42.41148155924979,
  "tpm_overlap_csf": 0.16024781915333297,
  "tpm_overlap_gm": 0.47404309548330065,
  "tpm_overlap_wm": 0.5191980745209388,
  "wm2max": 0.5180360384589525
}