{
  "bids_meta": {
    "AcquisitionMatrixPE": 256,
    "AcquisitionNumber": 1,
    "AcquisitionTime": "10:12:4.000000",
    "BodyPartExamined": "BRAIN",
    "CoilString": "32Ch Head",
    "ConversionSoftware": "dcm2niix",
    "ConversionSoftwareVersion": "v1.0.20211006",
    "Dcm2bidsVersion": "2.1.6",
    "DeviceSerialNumber": "000301496mr3T5mr",
    "EchoTime": 0.00292,
    "FlipAngle": 8,
    "ImageOrientationPatientDICOM": [
      0,
      1,
      0,
      0,
      0,
      -1
    ],
    "ImageType": [
      "ORIGINAL",
      "PRIMARY",
      "OTHER"
    ],
    "ImagingFrequency": 127.824,
    "InPlanePhaseEncodingDirectionDICOM": "ROW",
    "InstitutionName": "NIH FMRIF",
    "InversionTime": 1.06,
    "MRAcquisitionType": "3D",
    "MagneticFieldStrength": 3,
    "Manufacturer": "GE",
    "ManufacturersModelName": "DISCOVERY MR750",
    "Modality": "MR",
    "ParallelReductionFactorInPlane": 2,
    "ParallelReductionOutOfPlane": 2,
    "PatientPosition": "HFS",
    "PercentPhaseFOV": 100,
    "PercentSampling": 100,
    "PixelBandwidth": 244.141,
    "ProcedureStepDescription": "MRI Brain",
    "ProtocolName": "ADNI3 FMRIF Enhanced Pro",
    "ReconMatrixPE": 256,
    "RepetitionTime": 0.006952,
    "SAR": 0.139305,
    "ScanOptions": "EDR_GEMS\\PROMO_GEMS\\ACC_GEMS\\IR_GEMS",
    "ScanningSequence": "RM",
    "SequenceVariant": "NONE",
    "SeriesDescription": "ORIG Anat T1w MP-RAGE 1mm (ABCD)",
    "SeriesNumber": 40003,
    "SliceThickness": 1,
    "SoftwareVersions": "27\\LX\\MR Software release:DV26.0_R03_1831.b",
    "SpacingBetweenSlices": 1,
    "StationName": "FMRI3ta",
    "acq_id": "MPRAGE",
    "dataset": "ds004215",
    "modality": "T1w",
    "session_id": "01",
    "subject_id": "ON80038"
  },
  "cjv": 0.4313044284609561,
  "cnr": 3.090605767139909,
  "efc": 0.49820060797566956,
  "fber": 3610.0488436827086,
  "fwhm_avg": 3.67116,
  "fwhm_x": 3.61776,
  "fwhm_y": 3.84316,
  "fwhm_z": 3.55256,
  "icvs_csf": 0.21350891011419446,
  "icvs_gm": 0.4268982927449627,
  "icvs_wm": 0.35959279714084286,
  "inu_med": 0.9424001574516296,
  "inu_range": 0.7034044861793518,
  "provenance": {
    "md5sum": "db0731e5a7993f4e98f00e1a9df78aa1",
    "settings": {
      "testing": false
    },
    "software": "mriqc",
    "version": "22.0.6",
    "warnings": {
      "large_rot_frame": true,
      "small_air_mask": false
    },
    "webapi_port": null,
    "webapi_url": "https://mriqc.nimh.nih.gov/api/v1"
  },
  "qi_1": 0.0,
  "qi_2": 0.0010107971404479524,
  "rpve_csf": 24.818850611807807,
  "rpve_gm": 12.837630244140923,
  "rpve_wm": 17.647448764135156,
  "size_x": 208,
  "size_y": 256,
  "size_z": 256,
  "snr_csf": 1.2708822783403029,
  "snr_gm": 7.828731270111255,
  "snr_total": 8.022860117427436,
  "snr_wm": 14.968966803830748,
  "snrd_csf": 5.641712789358553,
  "snrd_gm": 27.80470363236327,
  "snrd_total": 25.116412073718106,
  "snrd_wm": 41.902819799432486,
  "spacing_x": 1.0,
  "spacing_y": 1.0,
  "spacing_z": 1.0,
  "summary_bg_k": 1.666939943077546,
  "summary_bg_mad": 15.634661781343285,
  "summary_bg_mean": 13.845592195484974,
  "summary_bg_median": 10.545419119298458,
  "summary_bg_n": 3068291.0,
  "summary_bg_p05": 0.0,
  "summary_bg_p95": 41.544046483933926,
  "summary_bg_stdv": 14.293668724429189,
  "summary_csf_k": 1.8752422871576746,
  "summary_csf_mad": 83.4818219766609,
  "summary_csf_mean": 161.25045143579916,
  "summary_csf_median": 134.6380254998803,
  "summary_csf_n": 28849.0,
  "summary_csf_p05": 36.492054998874664,
  "summary_csf_p95": 385.0500383913514,
  "summary_csf_stdv": 105.93875945767967,
  "summary_gm_k": 0.20371532362540812,
  "summary_gm_mad": 81.26388158442381,
  "summary_gm_mean": 660.6061914142516,
  "summary_gm_median": 663.552104908973,
  "summary_gm_n": 19206.0,
  "summary_gm_p05": 515.0088407099247,
  "summary_gm_p95": 797.8713154122233,
  "summary_gm_stdv": 84.75636820144167,
  "summary_wm_k": 0.5392039866695666,
  "summary_wm_mad": 63.84759555357862,
  "summary_wm_mean": 1001.2102366878971,
  "summary_wm_median": 1000.0000232756138,
  "summary_wm_n": 212736.0,
  "summary_wm_p05": 894.1534443944693,
  "summary_wm_p95": 1112.1248051673174,
  "summary_wm_stdv": 66.80472246661397,
  "tpm_overlap_csf": 0.15435859473480518,
  "tpm_overlap_gm": 0.430938709879962,
  "tpm_overlap_wm": 0.4778554084170009,
  "wm2max": 0.3732903674680045
}