{
  "bids_meta": {
    "AcquisitionMatrixPE": 256,
    "AcquisitionNumber": 1,
    "AcquisitionTime": "10:19:0.000000",
    "BodyPartExamined": "BRAIN",
    "CoilString": "32Ch Head",
    "ConversionSoftware": "dcm2niix",
    "ConversionSoftwareVersion": "v1.0.20211006",
    "Dcm2bidsVersion": "2.1.6",
    "DeviceSerialNumber": "000301496mr3T5mr",
    "EchoTime": 0.059165,
    "EchoTrainLength": 140,
    "FlipAngle": 90,
    "ImageOrientationPatientDICOM": [
      0,
      1,
      0,
      0,
      0,
      -1
    ],
    "ImageType": [
      "ORIGINAL",
      "PRIMARY",
      "OTHER"
    ],
    "ImagingFrequency": 127.824,
    "InPlanePhaseEncodingDirectionDICOM": "ROW",
    "InstitutionName": "NIH FMRIF",
    "MRAcquisitionType": "3D",
    "MagneticFieldStrength": 3,
    "Manufacturer": "GE",
    "ManufacturersModelName": "DISCOVERY MR750",
    "Modality": "MR",
    "ParallelReductionFactorInPlane": 2,
    "ParallelReductionOutOfPlane": 1.5,
    "PatientPosition": "HFS",
    "PercentPhaseFOV": 100,
    "PercentSampling": 100,
    "PhaseEncodingAxis": "i",
    "PixelBandwidth": 244.141,
    "ProcedureStepDescription": "MRI Brain",
    "ProtocolName": "ADNI3 FMRIF Enhanced Pro",
    "ReconMatrixPE": 256,
    "RepetitionTime": 3.202,
    "SAR": 0.387,
    "ScanOptions": "SAT_GEMS\\EDR_GEMS\\PROMO_GEMS\\FILTERED_GEMS\\ACC_GEMS\\FS\\FR_GEMS",
    "ScanningSequence": "RM",
    "SequenceVariant": "NONE",
    "SeriesDescription": "Anat T2w CUBE (ABCD)",
    "SeriesNumber": 4,
    "SliceThickness": 1,
    "SoftwareVersions": "27\\LX\\MR Software release:DV26.0_R03_1831.b",
    "SpacingBetweenSlices": 1,
    "StationName": "FMRI3ta",
    "acq_id": "CUBE",
    "dataset": "ds004215",
    "modality": "T2w",
    "rec_id": "SCIC",
    "session_id": "01",
    "subject_id": "ON80038"
  },
  "cjv": 0.6979416776851397,
  "cnr": 1.133450814338443,
  "efc": 0.5114576226163279,
  "fber": 2183.1981397923873,
  "fwhm_avg": 2.1503566666666667,
  "fwhm_x": 1.77462,
  "fwhm_y": 2.49321,
  "fwhm_z": 2.18324,
  "icvs_csf": 0.257635528348496,
  "icvs_gm": 0.5231462303736558,
  "icvs_wm": 0.21921824127784814,
  "inu_med": 0.7725589275360107,
  "inu_range": 0.10942493379116058,
  "provenance": {
    "md5sum": "c1cffc5f4e3eea441cb737705ccc4083",
    "settings": {
      "testing": false
    },
    "software": "mriqc",
    "version": "22.0.6",
    "warnings": {
      "large_rot_frame": true,
      "small_air_mask": false
    },
    "webapi_port": null,
    "webapi_url": "https://mriqc.nimh.nih.gov/api/v1"
  },
  "qi_1": 0.0,
  "qi_2": 0.0035304279368394286,
  "rpve_csf": 18.255608894637348,
  "rpve_gm": 11.245000868525652,
  "rpve_wm": 28.57027111583495,
  "size_x": 204,
  "size_y": 256,
  "size_z": 256,
  "snr_csf": 12.149732114945815,
  "snr_gm": 10.347563102266815,
  "snr_total": 8.188500969948583,
  "snr_wm": 2.068207692633119,
  "snrd_csf": 68.74370513942064,
  "snrd_gm": 48.865607976106126,
  "snrd_total": 75.42349993291708,
  "snrd_wm": 108.66118668322447,
  "spacing_x": 1.0,
  "spacing_y": 1.0,
  "spacing_z": 1.0,
  "summary_bg_k": 66.68142488748211,
  "summary_bg_mad": 6.03211043593778,
  "summary_bg_mean": 5.212874048911336,
  "summary_bg_median": 4.068596661090851,
  "summary_bg_n": 2580281.0,
  "summary_bg_p05": 0.0,
  "summary_bg_p95": 16.59987437725067,
  "summary_bg_stdv": 6.75386906088358,
  "summary_csf_k": 0.5386550196949771,
  "summary_csf_mad": 49.734750544307,
  "summary_csf_mean": 635.0532178530675,
  "summary_csf_median": 632.9515825659037,
  "summary_csf_n": 10523.0,
  "summary_csf_p05": 552.311996743083,
  "summary_csf_p95": 723.2479825638235,
  "summary_csf_stdv": 52.09345368192094,
  "summary_gm_k": 0.09448243832150016,
  "summary_gm_mad": 43.64231900400984,
  "summary_gm_mean": 451.55863650105977,
  "summary_gm_median": 449.92576176673174,
  "summary_gm_n": 206058.0,
  "summary_gm_p05": 383.1600905582309,
  "summary_gm_p95": 525.1947999969125,
  "summary_gm_stdv": 43.48122022289558,
  "summary_wm_k": -1.587033729694349,
  "summary_wm_mad": 340.6181960413166,
  "summary_wm_mean": 746.788323274947,
  "summary_wm_median": 1000.4882619455457,
  "summary_wm_n": 67118.0,
  "summary_wm_p05": 33.92904470600188,
  "summary_wm_p95": 1244.970235310495,
  "summary_wm_stdv": 483.74291048122745,
  "tpm_overlap_csf": 0.09389194812725347,
  "tpm_overlap_gm": 0.3361637973378564,
  "tpm_overlap_wm": 0.05824612490913464,
  "wm2max": 0.8033092138575372
}