{
  "bids_meta": {
    "AcquisitionMatrixPE": 256,
    "AcquisitionNumber": 1,
    "AcquisitionTime": "10:19:0.000000",
    "BodyPartExamined": "BRAIN",
    "CoilString": "32Ch Head",
    "ConversionSoftware": "dcm2niix",
    "ConversionSoftwareVersion": "v1.0.20211006",
    "Dcm2bidsVersion": "2.1.6",
    "DeviceSerialNumber": "000301496mr3T5mr",
    "EchoTime": 0.059165,
    "EchoTrainLength": 140,
    "FlipAngle": 90,
    "ImageOrientationPatientDICOM": [
      0,
      1,
      0,
      0,
      0,
      -1
    ],
    "ImageType": [
      "ORIGINAL",
      "PRIMARY",
      "OTHER"
    ],
    "ImagingFrequency": 127.824,
    "InPlanePhaseEncodingDirectionDICOM": "ROW",
    "InstitutionName": "NIH FMRIF",
    "MRAcquisitionType": "3D",
    "MagneticFieldStrength": 3,
    "Manufacturer": "GE",
    "ManufacturersModelName": "DISCOVERY MR750",
    "Modality": "MR",
    "ParallelReductionFactorInPlane": 2,
    "ParallelReductionOutOfPlane": 1.5,
    "PatientPosition": "HFS",
    "PercentPhaseFOV": 100,
    "PercentSampling": 100,
    "PhaseEncodingAxis": "i",
    "PixelBandwidth": 244.141,
    "ProcedureStepDescription": "MRI Brain",
    "ProtocolName": "ADNI3 FMRIF Enhanced Pro",
    "ReconMatrixPE": 256,
    "RepetitionTime": 3.202,
    "SAR": 0.387,
    "ScanOptions": "SAT_GEMS\\EDR_GEMS\\PROMO_GEMS\\ACC_GEMS\\FS\\FR_GEMS",
    "ScanningSequence": "RM",
    "SequenceVariant": "NONE",
    "SeriesDescription": "ORIG Anat T2w CUBE (ABCD)",
    "SeriesNumber": 40004,
    "SliceThickness": 1,
    "SoftwareVersions": "27\\LX\\MR Software release:DV26.0_R03_1831.b",
    "SpacingBetweenSlices": 1,
    "StationName": "FMRI3ta",
    "acq_id": "CUBE",
    "dataset": "ds004215",
    "modality": "T2w",
    "session_id": "01",
    "subject_id": "ON80038"
  },
  "cjv": 1.4172346284889359,
  "cnr": 0.8974114331255385,
  "efc": 0.4605509322336777,
  "fber": 1905.9461224489798,
  "fwhm_avg": 2.3851766666666663,
  "fwhm_x": 1.98421,
  "fwhm_y": 2.7034,
  "fwhm_z": 2.46792,
  "icvs_csf": 0.26206955300454926,
  "icvs_gm": 0.20946212028772906,
  "icvs_wm": 0.5284683267077217,
  "inu_med": 0.9287598133087158,
  "inu_range": 0.6283486068248747,
  "provenance": {
    "md5sum": "b53f05062892ef2652b9dbab104c56bc",
    "settings": {
      "testing": false
    },
    "software": "mriqc",
    "version": "22.0.6",
    "warnings": {
      "large_rot_frame": true,
      "small_air_mask": false
    },
    "webapi_port": null,
    "webapi_url": "https://mriqc.nimh.nih.gov/api/v1"
  },
  "qi_1": 0.0,
  "qi_2": 0.007886553936626933,
  "rpve_csf": 18.103291306450927,
  "rpve_gm": 30.21661626900113,
  "rpve_wm": 11.223267987185697,
  "size_x": 204,
  "size_y": 256,
  "size_z": 256,
  "snr_csf": 11.943616504291704,
  "snr_gm": 1.7406147645341212,
  "snr_total": 7.965858393346397,
  "snr_wm": 10.213343911213366,
  "snrd_csf": 32.915712122489616,
  "snrd_gm": 47.992115038464895,
  "snrd_total": 34.68931725980735,
  "snrd_wm": 23.160124618467542,
  "spacing_x": 1.0,
  "spacing_y": 1.0,
  "spacing_z": 1.0,
  "summary_bg_k": 5.8592359758797965,
  "summary_bg_mad": 28.290965342734122,
  "summary_bg_mean": 23.037450773435662,
  "summary_bg_median": 19.081966146826744,
  "summary_bg_n": 2921936.0,
  "summary_bg_p05": 0.0,
  "summary_bg_p95": 68.59016010165215,
  "summary_bg_stdv": 24.649742072710428,
  "summary_csf_k": 0.4394460168428318,
  "summary_csf_mad": 114.71937836572599,
  "summary_csf_mean": 1424.656145816721,
  "summary_csf_median": 1421.4097566381097,
  "summary_csf_n": 11966.0,
  "summary_csf_p05": 1234.7540293633938,
  "summary_csf_p95": 1623.6720404177904,
  "summary_csf_stdv": 119.00502341127536,
  "summary_gm_k": -1.485860383820986,
  "summary_gm_mad": 1420.770335115864,
  "summary_gm_mean": 1681.101218167531,
  "summary_gm_median": 2072.4589005857706,
  "summary_gm_n": 60276.0,
  "summary_gm_p05": 74.62294664978981,
  "summary_gm_p95": 3350.1965341046453,
  "summary_gm_stdv": 1190.637785758878,
  "summary_wm_k": 0.03282824625401526,
  "summary_wm_mad": 98.96976879348226,
  "summary_wm_mean": 1003.8861388065192,
  "summary_wm_median": 1000.1310916543007,
  "summary_wm_n": 211387.0,
  "summary_wm_p05": 849.4425754845142,
  "summary_wm_p95": 1169.3114100694656,
  "summary_wm_stdv": 97.92372945685628,
  "tpm_overlap_csf": 0.09520845143425688,
  "tpm_overlap_gm": 0.1375527232181059,
  "tpm_overlap_wm": 0.4298170154637292,
  "wm2max": 0.29900019603999217
}