{
  "bids_meta": {
    "AcquisitionMatrixPE": 256,
    "AcquisitionNumber": 1,
    "AcquisitionTime": "10:12:4.000000",
    "BodyPartExamined": "BRAIN",
    "CoilString": "32Ch Head",
    "ConversionSoftware": "dcm2niix",
    "ConversionSoftwareVersion": "v1.0.20211006",
    "Dcm2bidsVersion": "2.1.6",
    "DeviceSerialNumber": "000301496mr3T5mr",
    "EchoTime": 0.00292,
    "FlipAngle": 8,
    "ImageOrientationPatientDICOM": [
      0,
      1,
      0,
      0,
      0,
      -1
    ],
    "ImageType": [
      "ORIGINAL",
      "PRIMARY",
      "OTHER"
    ],
    "ImagingFrequency": 127.824,
    "InPlanePhaseEncodingDirectionDICOM": "ROW",
    "InstitutionName": "NIH FMRIF",
    "InversionTime": 1.06,
    "MRAcquisitionType": "3D",
    "MagneticFieldStrength": 3,
    "Manufacturer": "GE",
    "ManufacturersModelName": "DISCOVERY MR750",
    "Modality": "MR",
    "ParallelReductionFactorInPlane": 2,
    "ParallelReductionOutOfPlane": 2,
    "PatientPosition": "HFS",
    "PercentPhaseFOV": 100,
    "PercentSampling": 100,
    "PixelBandwidth": 244.141,
    "ProcedureStepDescription": "MRI Brain",
    "ProtocolName": "ADNI3 FMRIF Enhanced Pro",
    "ReconMatrixPE": 256,
    "RepetitionTime": 0.006952,
    "SAR": 0.139305,
    "ScanOptions": "EDR_GEMS\\PROMO_GEMS\\FILTERED_GEMS\\ACC_GEMS\\IR_GEMS",
    "ScanningSequence": "RM",
    "SequenceVariant": "NONE",
    "SeriesDescription": "Anat T1w MP-RAGE 1mm (ABCD)",
    "SeriesNumber": 3,
    "SliceThickness": 1,
    "SoftwareVersions": "27\\LX\\MR Software release:DV26.0_R03_1831.b",
    "SpacingBetweenSlices": 1,
    "StationName": "FMRI3ta",
    "acq_id": "MPRAGE",
    "dataset": "ds004215",
    "modality": "T1w",
    "rec_id": "SCIC",
    "session_id": "01",
    "subject_id": "ON80038"
  },
  "cjv": 0.3972269950356151,
  "cnr": 3.359702213133376,
  "efc": 0.7042417033894712,
  "fber": 1785.3709074804199,
  "fwhm_avg": 3.254733333333333,
  "fwhm_x": 3.19731,
  "fwhm_y": 3.44611,
  "fwhm_z": 3.12078,
  "icvs_csf": 0.22208683591464443,
  "icvs_gm": 0.42702714473989556,
  "icvs_wm": 0.35088601934546004,
  "inu_med": 0.654265820980072,
  "inu_range": 0.1327250897884369,
  "provenance": {
    "md5sum": "9bafdda42bd74dbe231690abad54ba6d",
    "settings": {
      "testing": false
    },
    "software": "mriqc",
    "version": "22.0.6",
    "warnings": {
      "large_rot_frame": true,
      "small_air_mask": false
    },
    "webapi_port": null,
    "webapi_url": "https://mriqc.nimh.nih.gov/api/v1"
  },
  "qi_1": 0.0,
  "qi_2": 0.003457110253777419,
  "rpve_csf": 23.85158791989368,
  "rpve_gm": 12.812861417653002,
  "rpve_wm": 18.120298850543954,
  "size_x": 208,
  "size_y": 256,
  "size_z": 256,
  "snr_csf": 1.8069736669570404,
  "snr_gm": 8.717386479507828,
  "snr_total": 9.202028708332024,
  "snr_wm": 17.081725978531203,
  "snrd_csf": 10.02121739797093,
  "snrd_gm": 36.960060130985354,
  "snrd_total": 33.98664958764122,
  "snrd_wm": 54.978671233967354,
  "spacing_x": 1.0,
  "spacing_y": 1.0,
  "spacing_z": 1.0,
  "summary_bg_k": 4.458526624370949,
  "summary_bg_mad": 0.0,
  "summary_bg_mean": 7.277501242418585,
  "summary_bg_median": 0.0,
  "summary_bg_n": 847947.0,
  "summary_bg_p05": 0.0,
  "summary_bg_p95": 33.86366926133633,
  "summary_bg_stdv": 11.91653972776225,
  "summary_csf_k": 1.8155148716865437,
  "summary_csf_mad": 78.6421897262294,
  "summary_csf_mean": 206.82342094430425,
  "summary_csf_median": 182.2799576446414,
  "summary_csf_n": 34321.0,
  "summary_csf_p05": 87.52006934955716,
  "summary_csf_p95": 417.69084464758635,
  "summary_csf_stdv": 100.87435442036139,
  "summary_gm_k": 0.18516401030715546,
  "summary_gm_mad": 73.8812426321814,
  "summary_gm_mean": 669.8198500368593,
  "summary_gm_median": 672.2814132925123,
  "summary_gm_n": 20988.0,
  "summary_gm_p05": 538.8702335301787,
  "summary_gm_p95": 794.5394768123513,
  "summary_gm_stdv": 77.11776905036987,
  "summary_wm_k": 0.3810164347939953,
  "summary_wm_mad": 56.30901972142237,
  "summary_wm_mean": 999.2865285477152,
  "summary_wm_median": 1000.0291846692562,
  "summary_wm_n": 210721.0,
  "summary_wm_p05": 902.1164719946682,
  "summary_wm_p95": 1093.5921674128622,
  "summary_wm_stdv": 58.54366315490049,
  "tpm_overlap_csf": 0.1534546437417928,
  "tpm_overlap_gm": 0.43298207107930525,
  "tpm_overlap_wm": 0.48076538439369343,
  "wm2max": 0.5714261264629094
}