{
  "bids_meta": {
    "AcquisitionMatrixPE": 256,
    "AcquisitionNumber": 1,
    "AcquisitionTime": "15:07:35.000000",
    "BodyPartExamined": "BRAIN",
    "CoilString": "32Ch Head",
    "ConversionSoftware": "dcm2niix",
    "ConversionSoftwareVersion": "v1.0.20211006",
    "Dcm2bidsVersion": "2.1.6",
    "DeviceSerialNumber": "000301496MR3T6MR",
    "EchoTime": 0.003036,
    "FlipAngle": 11,
    "ImageOrientationPatientDICOM": [
      0,
      1,
      0,
      0,
      0,
      -1
    ],
    "ImageType": [
      "ORIGINAL",
      "PRIMARY",
      "OTHER"
    ],
    "ImagingFrequency": 127.697,
    "InPlanePhaseEncodingDirectionDICOM": "ROW",
    "InstitutionName": "NIH FMRIF",
    "InversionTime": 0.4,
    "MRAcquisitionType": "3D",
    "MagneticFieldStrength": 3,
    "Manufacturer": "GE",
    "ManufacturersModelName": "DISCOVERY MR750",
    "Modality": "MR",
    "ParallelReductionFactorInPlane": 1.72974,
    "PatientPosition": "HFS",
    "PercentPhaseFOV": 100,
    "PercentSampling": 100,
    "PixelBandwidth": 244.141,
    "ProcedureStepDescription": "MRI Brain",
    "ProtocolName": "ADNI3 FMRIF Enhanced Pro",
    "ReconMatrixPE": 256,
    "RepetitionTime": 0.007348,
    "SAR": 0.159128,
    "ScanOptions": "FAST_GEMS\\EDR_GEMS\\FILTERED_GEMS\\ACC_GEMS\\IR_GEMS",
    "ScanningSequence": "GR",
    "SequenceVariant": "SS\\SP\\SK",
    "SeriesDescription": "Accelerated Sagittal IR-FSPGR",
    "SeriesNumber": 3,
    "SliceThickness": 1.2,
    "SoftwareVersions": "27\\LX\\MR Software release:DV26.0_R01_1725.a",
    "SpacingBetweenSlices": 1.2,
    "SpoilingState": true,
    "StationName": "fmrif3tb",
    "acq_id": "FSPGR",
    "dataset": "ds004215",
    "modality": "T1w",
    "rec_id": "SCIC",
    "session_id": "01",
    "subject_id": "ON41606"
  },
  "cjv": 0.30521430630739765,
  "cnr": 4.417909765070956,
  "efc": 0.555469011835359,
  "fber": 15632.44136196145,
  "fwhm_avg": 3.393131988313748,
  "fwhm_x": 3.250970931863409,
  "fwhm_y": 3.634294053575798,
  "fwhm_z": 3.294130979502038,
  "icvs_csf": 0.2374834854366153,
  "icvs_gm": 0.4440455812125849,
  "icvs_wm": 0.3184709333507998,
  "inu_med": 0.5590033531188965,
  "inu_range": 0.11956696212291718,
  "provenance": {
    "md5sum": "8fa8bd0d1f47c9a2e60692faaa9a2ffb",
    "settings": {
      "testing": false
    },
    "software": "mriqc",
    "version": "22.0.6",
    "warnings": {
      "large_rot_frame": true,
      "small_air_mask": false
    },
    "webapi_port": null,
    "webapi_url": "https://mriqc.nimh.nih.gov/api/v1"
  },
  "qi_1": 0.0003017355329576864,
  "qi_2": 0.0049114445885748105,
  "rpve_csf": 31.022232422809484,
  "rpve_gm": 17.41385670856955,
  "rpve_wm": 28.257478294880265,
  "size_x": 196,
  "size_y": 256,
  "size_z": 256,
  "snr_csf": 1.813017334078099,
  "snr_gm": 9.756863064736843,
  "snr_total": 11.846781962613749,
  "snr_wm": 23.970465489026306,
  "snrd_csf": 19.470119333569208,
  "snrd_gm": 56.69192494100622,
  "snrd_total": 54.440686710413274,
  "snrd_wm": 87.16001585666439,
  "spacing_x": 1.2000045776367188,
  "spacing_y": 1.0547000169754028,
  "spacing_z": 1.0547000169754028,
  "summary_bg_k": 17.661770783341822,
  "summary_bg_mad": 7.5164786842802584,
  "summary_bg_mean": 5.5860920951487385,
  "summary_bg_median": 5.069787830114365,
  "summary_bg_n": 1200617.0,
  "summary_bg_p05": 0.0,
  "summary_bg_p95": 20.310446307063103,
  "summary_bg_stdv": 8.736781549421075,
  "summary_csf_k": 7.096939741896055,
  "summary_csf_mad": 108.80334885578523,
  "summary_csf_mean": 238.01953408035814,
  "summary_csf_median": 223.38361439108849,
  "summary_csf_n": 19523.0,
  "summary_csf_p05": 64.02954259514809,
  "summary_csf_p95": 461.1879586100577,
  "summary_csf_stdv": 123.20780892826782,
  "summary_gm_k": 0.0946436236926469,
  "summary_gm_mad": 67.0219349348323,
  "summary_gm_mean": 650.3654811499074,
  "summary_gm_median": 650.4350016117096,
  "summary_gm_n": 28308.0,
  "summary_gm_p05": 542.384366107732,
  "summary_gm_p95": 759.7796848118305,
  "summary_gm_stdv": 66.66317941103057,
  "summary_wm_k": 0.3008198459451301,
  "summary_wm_mad": 39.6703041670347,
  "summary_wm_mean": 998.6747225957843,
  "summary_wm_median": 1000.0000019967556,
  "summary_wm_n": 136615.0,
  "summary_wm_p05": 927.0200932323933,
  "summary_wm_p95": 1065.1561641097069,
  "summary_wm_stdv": 41.71785243501574,
  "tpm_overlap_csf": 0.1628031527839127,
  "tpm_overlap_gm": 0.48535402250741955,
  "tpm_overlap_wm": 0.5190343896263945,
  "wm2max": 0.5304096673527654
}