{
  "bids_meta": {
    "AcquisitionMatrixPE": 256,
    "AcquisitionNumber": 1,
    "AcquisitionTime": "15:13:51.000000",
    "BodyPartExamined": "BRAIN",
    "CoilString": "32Ch Head",
    "ConversionSoftware": "dcm2niix",
    "ConversionSoftwareVersion": "v1.0.20211006",
    "Dcm2bidsVersion": "2.1.6",
    "DeviceSerialNumber": "000301496MR3T6MR",
    "EchoTime": 0.065685,
    "EchoTrainLength": 140,
    "FlipAngle": 90,
    "ImageOrientationPatientDICOM": [
      0,
      1,
      0,
      0,
      0,
      -1
    ],
    "ImageType": [
      "ORIGINAL",
      "PRIMARY",
      "OTHER"
    ],
    "ImagingFrequency": 127.697,
    "InPlanePhaseEncodingDirectionDICOM": "ROW",
    "InstitutionName": "NIH FMRIF",
    "MRAcquisitionType": "3D",
    "MagneticFieldStrength": 3,
    "Manufacturer": "GE",
    "ManufacturersModelName": "DISCOVERY MR750",
    "Modality": "MR",
    "ParallelReductionFactorInPlane": 2,
    "ParallelReductionOutOfPlane": 1.5,
    "PatientPosition": "HFS",
    "PercentPhaseFOV": 100,
    "PercentSampling": 100,
    "PhaseEncodingAxis": "i",
    "PixelBandwidth": 244.141,
    "ProcedureStepDescription": "MRI Brain",
    "ProtocolName": "ADNI3 FMRIF Enhanced Pro",
    "ReconMatrixPE": 256,
    "RepetitionTime": 3.202,
    "SAR": 0.4676,
    "ScanOptions": "SAT_GEMS\\EDR_GEMS\\PROMO_GEMS\\ACC_GEMS\\FS\\FR_GEMS",
    "ScanningSequence": "RM",
    "SequenceVariant": "NONE",
    "SeriesDescription": "Sag_CUBE_T2",
    "SeriesNumber": 4,
    "SliceThickness": 1,
    "SoftwareVersions": "27\\LX\\MR Software release:DV26.0_R01_1725.a",
    "SpacingBetweenSlices": 1,
    "StationName": "fmrif3tb",
    "acq_id": "CUBE",
    "dataset": "ds004215",
    "modality": "T2w",
    "session_id": "01",
    "subject_id": "ON41606"
  },
  "cjv": 5.932866145906447,
  "cnr": 0.2297382867621992,
  "efc": 0.38984526880732456,
  "fber": 8593.40808957767,
  "fwhm_avg": 2.3558966666666667,
  "fwhm_x": 2.02308,
  "fwhm_y": 2.57264,
  "fwhm_z": 2.47197,
  "icvs_csf": 0.16687687503925724,
  "icvs_gm": 0.6246019639306067,
  "icvs_wm": 0.20852116103013596,
  "inu_med": 0.8882588148117065,
  "inu_range": 0.4017907381057739,
  "provenance": {
    "md5sum": "01643dc6297ac0e91242762f60b1f847",
    "settings": {
      "testing": false
    },
    "software": "mriqc",
    "version": "22.0.6",
    "warnings": {
      "large_rot_frame": true,
      "small_air_mask": false
    },
    "webapi_port": null,
    "webapi_url": "https://mriqc.nimh.nih.gov/api/v1"
  },
  "qi_1": 0.0,
  "qi_2": 0.012970186131366062,
  "rpve_csf": 27.74823092963078,
  "rpve_gm": 11.439649509770028,
  "rpve_wm": 34.02866791993694,
  "size_x": 204,
  "size_y": 256,
  "size_z": 256,
  "snr_csf": 7.776314948291017,
  "snr_gm": 8.994354274291373,
  "snr_total": 5.903796701190056,
  "snr_wm": 0.9407208809877794,
  "snrd_csf": 62.46989244106659,
  "snrd_gm": 39.60594689041107,
  "snrd_total": 51.51111947409944,
  "snrd_wm": 52.45751909082063,
  "spacing_x": 1.0,
  "spacing_y": 1.0,
  "spacing_z": 1.0,
  "summary_bg_k": 211.21218317023454,
  "summary_bg_mad": 0.0,
  "summary_bg_mean": 7.5515149027700925,
  "summary_bg_median": 0.0,
  "summary_bg_n": 3690821.0,
  "summary_bg_p05": 0.0,
  "summary_bg_p95": 24.095804389566183,
  "summary_bg_stdv": 12.624282738837966,
  "summary_csf_k": 1.0695607861710634,
  "summary_csf_mad": 138.88881063450265,
  "summary_csf_mean": 1226.0584567493997,
  "summary_csf_median": 1203.776167590171,
  "summary_csf_n": 2514.0,
  "summary_csf_p05": 1021.1816386753693,
  "summary_csf_p95": 1510.5027196593583,
  "summary_csf_stdv": 154.76954537824605,
  "summary_gm_k": 0.1892208925197103,
  "summary_gm_mad": 84.97990630059518,
  "summary_gm_mean": 769.4249486579413,
  "summary_gm_median": 763.1947662867606,
  "summary_gm_n": 331137.0,
  "summary_gm_p05": 641.411963339895,
  "summary_gm_p95": 916.9443478025496,
  "summary_gm_stdv": 84.85251866074664,
  "summary_wm_k": -1.6206754090628175,
  "summary_wm_mad": 1384.2704113522814,
  "summary_wm_mean": 1235.6765275898101,
  "summary_wm_median": 1010.8407238256186,
  "summary_wm_n": 57886.0,
  "summary_wm_p05": 47.757015112787485,
  "summary_wm_p95": 2885.7864488540217,
  "summary_wm_stdv": 1074.5291328292922,
  "tpm_overlap_csf": 0.10768190449213934,
  "tpm_overlap_gm": 0.3866640276562229,
  "tpm_overlap_wm": 0.04173297320553522,
  "wm2max": 0.3535885005827407
}