{
  "bids_meta": {
    "AcquisitionMatrixPE": 256,
    "AcquisitionNumber": 1,
    "AcquisitionTime": "14:14:27.000000",
    "BodyPartExamined": "BRAIN",
    "CoilString": "32Ch Head",
    "ConversionSoftware": "dcm2niix",
    "ConversionSoftwareVersion": "v1.0.20211006",
    "Dcm2bidsVersion": "2.1.6",
    "DeviceSerialNumber": "000301496MR3T6MR",
    "EchoTime": 0.066091,
    "EchoTrainLength": 140,
    "FlipAngle": 90,
    "ImageOrientationPatientDICOM": [
      0,
      1,
      0,
      0,
      0,
      -1
    ],
    "ImageType": [
      "ORIGINAL",
      "PRIMARY",
      "OTHER"
    ],
    "ImagingFrequency": 127.697,
    "InPlanePhaseEncodingDirectionDICOM": "ROW",
    "InstitutionName": "NIH FMRIF",
    "MRAcquisitionType": "3D",
    "MagneticFieldStrength": 3,
    "Manufacturer": "GE",
    "ManufacturersModelName": "DISCOVERY MR750",
    "Modality": "MR",
    "ParallelReductionFactorInPlane": 2,
    "ParallelReductionOutOfPlane": 1.5,
    "PatientPosition": "HFS",
    "PercentPhaseFOV": 100,
    "PercentSampling": 100,
    "PhaseEncodingAxis": "i",
    "PixelBandwidth": 244.141,
    "ProcedureStepDescription": "MRI Brain",
    "ProtocolName": "ADNI3 FMRIF Enhanced Pro",
    "ReconMatrixPE": 256,
    "RepetitionTime": 3.202,
    "SAR": 0.4497,
    "ScanOptions": "SAT_GEMS\\EDR_GEMS\\PROMO_GEMS\\ACC_GEMS\\FS\\FR_GEMS",
    "ScanningSequence": "RM",
    "SequenceVariant": "NONE",
    "SeriesDescription": "Sag_CUBE_T2",
    "SeriesNumber": 4,
    "SliceThickness": 1,
    "SoftwareVersions": "27\\LX\\MR Software release:DV26.0_R01_1725.a",
    "SpacingBetweenSlices": 1,
    "StationName": "fmrif3tb",
    "acq_id": "CUBE",
    "dataset": "ds004215",
    "modality": "T2w",
    "session_id": "01",
    "subject_id": "ON40397"
  },
  "cjv": 0.30398836598692636,
  "cnr": 3.982005889510975,
  "efc": 0.353776659785067,
  "fber": -1.0,
  "fwhm_avg": 2.7053366666666663,
  "fwhm_x": 2.2467,
  "fwhm_y": 2.93794,
  "fwhm_z": 2.93137,
  "icvs_csf": 0.22558302365551255,
  "icvs_gm": 0.7177823881222102,
  "icvs_wm": 0.05663458822227732,
  "inu_med": 0.931623101234436,
  "inu_range": 0.5088677376508713,
  "provenance": {
    "md5sum": "62f67961e8c5a584850ad26d8e7d169c",
    "settings": {
      "testing": false
    },
    "software": "mriqc",
    "version": "22.0.6",
    "warnings": {
      "large_rot_frame": true,
      "small_air_mask": false
    },
    "webapi_port": null,
    "webapi_url": "https://mriqc.nimh.nih.gov/api/v1"
  },
  "qi_1": 0.0001551606752343178,
  "qi_2": 0.011675603109258515,
  "rpve_csf": 27.030231433702532,
  "rpve_gm": 11.571462392451943,
  "rpve_wm": 121.69192637142336,
  "size_x": 204,
  "size_y": 256,
  "size_z": 256,
  "snr_csf": 5.322277786812215,
  "snr_gm": 7.19052618730054,
  "snr_total": 4.48797591403769,
  "snr_wm": 0.9511237680003128,
  "snrd_csf": 121.1076100472669,
  "snrd_gm": 39.12359743704942,
  "snrd_total": 55.39835022993777,
  "snrd_wm": 5.963843205496986,
  "spacing_x": 1.0,
  "spacing_y": 1.0,
  "spacing_z": 1.0,
  "summary_bg_k": 110.49440818945058,
  "summary_bg_mad": 0.0,
  "summary_bg_mean": 79.19132214367045,
  "summary_bg_median": 0.0,
  "summary_bg_n": 3926224.0,
  "summary_bg_p05": 0.0,
  "summary_bg_p95": 263.7362766265869,
  "summary_bg_stdv": 109.91174222834643,
  "summary_csf_k": 2.9227708166080237,
  "summary_csf_mad": 2873.967517878339,
  "summary_csf_mean": 19963.25189463794,
  "summary_csf_median": 20318.132861196995,
  "summary_csf_n": 63614.0,
  "summary_csf_p05": 13197.583062624932,
  "summary_csf_p95": 25503.297949790955,
  "summary_csf_stdv": 3817.533389993108,
  "summary_gm_k": -0.16896692444919115,
  "summary_gm_mad": 935.994523254595,
  "summary_gm_mean": 6671.827964089677,
  "summary_gm_median": 6563.736584544182,
  "summary_gm_n": 471215.0,
  "summary_gm_p05": 5359.340921282768,
  "summary_gm_p95": 8331.31908851862,
  "summary_gm_stdv": 912.8302225557454,
  "summary_wm_k": 10.454945705907585,
  "summary_wm_mad": 755.1496284221146,
  "summary_wm_mean": 1300.334708882877,
  "summary_wm_median": 1000.5494994521141,
  "summary_wm_n": 8239.0,
  "summary_wm_p05": 260.98902374505997,
  "summary_wm_p95": 3359.7803839921926,
  "summary_wm_stdv": 1051.9017723518516,
  "tpm_overlap_csf": 0.14527015957709521,
  "tpm_overlap_gm": 0.42400250790048233,
  "tpm_overlap_wm": 0.012843654990777756,
  "wm2max": 0.037547165920946826
}