{
  "bids_meta": {
    "AcquisitionMatrixPE": 256,
    "AcquisitionNumber": 1,
    "AcquisitionTime": "14:07:39.000000",
    "BodyPartExamined": "BRAIN",
    "CoilString": "32Ch Head",
    "ConversionSoftware": "dcm2niix",
    "ConversionSoftwareVersion": "v1.0.20211006",
    "Dcm2bidsVersion": "2.1.6",
    "DeviceSerialNumber": "000301496MR3T6MR",
    "EchoTime": 0.003036,
    "FlipAngle": 11,
    "ImageOrientationPatientDICOM": [
      0,
      1,
      0,
      0,
      0,
      -1
    ],
    "ImageType": [
      "ORIGINAL",
      "PRIMARY",
      "OTHER"
    ],
    "ImagingFrequency": 127.697,
    "InPlanePhaseEncodingDirectionDICOM": "ROW",
    "InstitutionName": "NIH FMRIF",
    "InversionTime": 0.4,
    "MRAcquisitionType": "3D",
    "MagneticFieldStrength": 3,
    "Manufacturer": "GE",
    "ManufacturersModelName": "DISCOVERY MR750",
    "Modality": "MR",
    "ParallelReductionFactorInPlane": 1.72974,
    "PatientPosition": "HFS",
    "PercentPhaseFOV": 100,
    "PercentSampling": 100,
    "PixelBandwidth": 244.141,
    "ProcedureStepDescription": "MRI Brain",
    "ProtocolName": "ADNI3 FMRIF Enhanced Pro",
    "ReconMatrixPE": 256,
    "RepetitionTime": 0.007348,
    "SAR": 0.173448,
    "ScanOptions": "FAST_GEMS\\EDR_GEMS\\FILTERED_GEMS\\ACC_GEMS\\IR_GEMS",
    "ScanningSequence": "GR",
    "SequenceVariant": "SS\\SP\\SK",
    "SeriesDescription": "Accelerated Sagittal IR-FSPGR",
    "SeriesNumber": 3,
    "SliceThickness": 1.2,
    "SoftwareVersions": "27\\LX\\MR Software release:DV26.0_R01_1725.a",
    "SpacingBetweenSlices": 1.2,
    "SpoilingState": true,
    "StationName": "fmrif3tb",
    "acq_id": "FSPGR",
    "dataset": "ds004215",
    "modality": "T1w",
    "rec_id": "SCIC",
    "session_id": "01",
    "subject_id": "ON40397"
  },
  "cjv": 0.2996974484550609,
  "cnr": 4.4993746754406745,
  "efc": 0.5318630034508052,
  "fber": -1.0,
  "fwhm_avg": 3.7186512220174683,
  "fwhm_x": 3.48024505725203,
  "fwhm_y": 3.968692455323644,
  "fwhm_z": 3.7070161534767303,
  "icvs_csf": 0.25998601709644226,
  "icvs_gm": 0.42998752427333786,
  "icvs_wm": 0.3100264586302199,
  "inu_med": 0.5042073726654053,
  "inu_range": 0.10547951459884636,
  "provenance": {
    "md5sum": "17642cf3c6b4c9e2a5ba1f75c11026a0",
    "settings": {
      "testing": false
    },
    "software": "mriqc",
    "version": "22.0.6",
    "warnings": {
      "large_rot_frame": true,
      "small_air_mask": false
    },
    "webapi_port": null,
    "webapi_url": "https://mriqc.nimh.nih.gov/api/v1"
  },
  "qi_1": 0.0,
  "qi_2": 0.004040509027024306,
  "rpve_csf": 32.78153139293992,
  "rpve_gm": 19.646012743177156,
  "rpve_wm": 31.300012722459545,
  "size_x": 196,
  "size_y": 256,
  "size_z": 256,
  "snr_csf": 2.1012171774110824,
  "snr_gm": 10.122882380671912,
  "snr_total": 12.060590651504269,
  "snr_wm": 23.957672396429807,
  "snrd_csf": 9.023310924676263,
  "snrd_gm": 33.009434253473934,
  "snrd_total": 30.92821491098462,
  "snrd_wm": 50.751899554803664,
  "spacing_x": 1.2000045776367188,
  "spacing_y": 1.0547000169754028,
  "spacing_z": 1.0547000169754028,
  "summary_bg_k": 58.00545547123965,
  "summary_bg_mad": 0.0,
  "summary_bg_mean": 6.6283487690702945,
  "summary_bg_median": 0.0,
  "summary_bg_n": 1101942.0,
  "summary_bg_p05": 0.0,
  "summary_bg_p95": 29.007824394851923,
  "summary_bg_stdv": 12.908608545345334,
  "summary_csf_k": 53.31783519857688,
  "summary_csf_mad": 66.63935435577424,
  "summary_csf_mean": 188.02630257528412,
  "summary_csf_median": 177.79257649183273,
  "summary_csf_n": 39392.0,
  "summary_csf_p05": 83.96662282329054,
  "summary_csf_p95": 328.42725368831293,
  "summary_csf_stdv": 84.61301462773152,
  "summary_gm_k": -0.019011811773241405,
  "summary_gm_mad": 65.4669953439597,
  "summary_gm_mean": 649.0323803661637,
  "summary_gm_median": 650.4078617542982,
  "summary_gm_n": 33795.0,
  "summary_gm_p05": 540.8148861747235,
  "summary_gm_p95": 750.6242765933275,
  "summary_gm_stdv": 64.25030089091786,
  "summary_wm_k": 0.35336986221793687,
  "summary_wm_mad": 39.30487844872981,
  "summary_wm_mean": 999.3827674698429,
  "summary_wm_median": 1000.0000065416098,
  "summary_wm_n": 119541.0,
  "summary_wm_p05": 929.1243609972298,
  "summary_wm_p95": 1067.5045849755406,
  "summary_wm_stdv": 41.740107608136995,
  "tpm_overlap_csf": 0.143783749028406,
  "tpm_overlap_gm": 0.46449039009863874,
  "tpm_overlap_wm": 0.4975721174824533,
  "wm2max": 0.4256208594607999
}