{
  "bids_meta": {
    "AcquisitionMatrixPE": 256,
    "AcquisitionNumber": 1,
    "AcquisitionTime": "10:46:15.000000",
    "BodyPartExamined": "BRAIN",
    "CoilString": "32Ch Head",
    "ConversionSoftware": "dcm2niix",
    "ConversionSoftwareVersion": "v1.0.20211006",
    "Dcm2bidsVersion": "2.1.6",
    "DeviceSerialNumber": "000301496mr3T5mr",
    "EchoTime": 0.00292,
    "FlipAngle": 8,
    "ImageOrientationPatientDICOM": [
      0,
      1,
      0,
      0,
      0,
      -1
    ],
    "ImageType": [
      "ORIGINAL",
      "PRIMARY",
      "OTHER"
    ],
    "ImagingFrequency": 127.824,
    "InPlanePhaseEncodingDirectionDICOM": "ROW",
    "InstitutionName": "NIH FMRIF",
    "InversionTime": 1.06,
    "MRAcquisitionType": "3D",
    "MagneticFieldStrength": 3,
    "Manufacturer": "GE",
    "ManufacturersModelName": "DISCOVERY MR750",
    "Modality": "MR",
    "ParallelReductionFactorInPlane": 2,
    "ParallelReductionOutOfPlane": 2,
    "PatientPosition": "HFS",
    "PercentPhaseFOV": 100,
    "PercentSampling": 100,
    "PixelBandwidth": 244.141,
    "ProcedureStepDescription": "MRI Brain",
    "ProtocolName": "ADNI3 FMRIF Enhanced Pro",
    "ReconMatrixPE": 256,
    "RepetitionTime": 0.006952,
    "SAR": 0.126516,
    "ScanOptions": "EDR_GEMS\\PROMO_GEMS\\ACC_GEMS\\IR_GEMS",
    "ScanningSequence": "RM",
    "SequenceVariant": "NONE",
    "SeriesDescription": "ORIG Anat T1w MP-RAGE 1mm (ABCD)",
    "SeriesNumber": 40003,
    "SliceThickness": 1,
    "SoftwareVersions": "27\\LX\\MR Software release:DV26.0_R03_1831.b",
    "SpacingBetweenSlices": 1,
    "StationName": "FMRI3ta",
    "acq_id": "MPRAGE",
    "dataset": "ds004215",
    "modality": "T1w",
    "session_id": "01",
    "subject_id": "ON70467"
  },
  "cjv": 0.38698728523315656,
  "cnr": 3.463646543737175,
  "efc": 0.4486431033624911,
  "fber": 5366.240762174211,
  "fwhm_avg": 3.8253766666666666,
  "fwhm_x": 3.75451,
  "fwhm_y": 4.02594,
  "fwhm_z": 3.69568,
  "icvs_csf": 0.21281123883556424,
  "icvs_gm": 0.439843306737747,
  "icvs_wm": 0.34734545442668874,
  "inu_med": 0.868918240070343,
  "inu_range": 0.6982202768325804,
  "provenance": {
    "md5sum": "34ffaebf3eb10cc12311ce43a93852ff",
    "settings": {
      "testing": false
    },
    "software": "mriqc",
    "version": "22.0.6",
    "warnings": {
      "large_rot_frame": true,
      "small_air_mask": false
    },
    "webapi_port": null,
    "webapi_url": "https://mriqc.nimh.nih.gov/api/v1"
  },
  "qi_1": 0.0,
  "qi_2": 0.0017120760716526282,
  "rpve_csf": 28.55979611582948,
  "rpve_gm": 14.569705115575966,
  "rpve_wm": 21.156451033944595,
  "size_x": 208,
  "size_y": 256,
  "size_z": 256,
  "snr_csf": 1.229327084534814,
  "snr_gm": 7.6427242084356655,
  "snr_total": 8.88797636577637,
  "snr_wm": 17.79187780435863,
  "snrd_csf": 6.130856829145867,
  "snrd_gm": 32.86796747853723,
  "snrd_total": 29.961218389973993,
  "snrd_wm": 50.88483086223888,
  "spacing_x": 1.0,
  "spacing_y": 1.0,
  "spacing_z": 1.0,
  "summary_bg_k": 2.064368094810125,
  "summary_bg_mad": 12.875426135843353,
  "summary_bg_mean": 12.399608301197214,
  "summary_bg_median": 8.684342958033085,
  "summary_bg_n": 4644779.0,
  "summary_bg_p05": 0.0,
  "summary_bg_p95": 35.828158870339394,
  "summary_bg_stdv": 12.177375579805064,
  "summary_csf_k": 3.523053642753566,
  "summary_csf_mad": 68.29573863360388,
  "summary_csf_mean": 144.3154057672655,
  "summary_csf_median": 120.49001437425613,
  "summary_csf_n": 28091.0,
  "summary_csf_p05": 36.499412432312965,
  "summary_csf_p95": 356.58247812464833,
  "summary_csf_stdv": 98.01123820796197,
  "summary_gm_k": 0.009611440660253212,
  "summary_gm_mad": 84.15677082993264,
  "summary_gm_mean": 646.5390732805973,
  "summary_gm_median": 645.9556933566928,
  "summary_gm_n": 32605.0,
  "summary_gm_p05": 507.27470745295284,
  "summary_gm_p95": 786.4910172253847,
  "summary_gm_stdv": 84.5177413037037,
  "summary_wm_k": 0.7871437357971898,
  "summary_wm_mad": 52.870107321095894,
  "summary_wm_mean": 1000.7291931180698,
  "summary_wm_median": 1000.0419472977519,
  "summary_wm_n": 193391.0,
  "summary_wm_p05": 910.30373673141,
  "summary_wm_p95": 1092.8427522405982,
  "summary_wm_stdv": 56.20763433442903,
  "tpm_overlap_csf": 0.1512874520633718,
  "tpm_overlap_gm": 0.4651934968619957,
  "tpm_overlap_wm": 0.5038032986730547,
  "wm2max": 0.5073969220289917
}