{
  "bids_meta": {
    "AcquisitionMatrixPE": 256,
    "AcquisitionNumber": 1,
    "AcquisitionTime": "09:12:36.000000",
    "BodyPartExamined": "BRAIN",
    "CoilString": "32Ch Head",
    "ConversionSoftware": "dcm2niix",
    "ConversionSoftwareVersion": "v1.0.20211006",
    "Dcm2bidsVersion": "2.1.6",
    "DeviceSerialNumber": "000301496MR3T5MR",
    "EchoTime": 0.066697,
    "EchoTrainLength": 140,
    "FlipAngle": 90,
    "ImageOrientationPatientDICOM": [
      0,
      1,
      0,
      0,
      0,
      -1
    ],
    "ImageType": [
      "ORIGINAL",
      "PRIMARY",
      "OTHER"
    ],
    "ImagingFrequency": 127.824,
    "InPlanePhaseEncodingDirectionDICOM": "ROW",
    "InstitutionName": "NIH FMRIF",
    "MRAcquisitionType": "3D",
    "MagneticFieldStrength": 3,
    "Manufacturer": "GE",
    "ManufacturersModelName": "DISCOVERY MR750",
    "Modality": "MR",
    "ParallelReductionFactorInPlane": 2,
    "ParallelReductionOutOfPlane": 1.5,
    "PatientPosition": "HFS",
    "PercentPhaseFOV": 100,
    "PercentSampling": 100,
    "PhaseEncodingAxis": "i",
    "PixelBandwidth": 244.141,
    "ProcedureStepDescription": "MRI Brain",
    "ProtocolName": "ADNI3 FMRIF Enhanced Pro",
    "ReconMatrixPE": 256,
    "RepetitionTime": 3.202,
    "SAR": 0.4213,
    "ScanOptions": "SAT_GEMS\\EDR_GEMS\\PROMO_GEMS\\ACC_GEMS\\FS\\FR_GEMS",
    "ScanningSequence": "RM",
    "SequenceVariant": "NONE",
    "SeriesDescription": "ORIG Anat T2w CUBE (ABCD)",
    "SeriesNumber": 40004,
    "SliceThickness": 1,
    "SoftwareVersions": "27\\LX\\MR Software release:DV26.0_R03_1831.b",
    "SpacingBetweenSlices": 1,
    "StationName": "FMRI3ta",
    "acq_id": "CUBE",
    "dataset": "ds004215",
    "modality": "T2w",
    "session_id": "01",
    "subject_id": "ON08155"
  },
  "cjv": 0.4876090481232852,
  "cnr": 1.4341754835840193,
  "efc": 0.42690678520025854,
  "fber": 7922.10562864087,
  "fwhm_avg": 2.61286,
  "fwhm_x": 2.18694,
  "fwhm_y": 2.9182,
  "fwhm_z": 2.73344,
  "icvs_csf": 0.32597925148765144,
  "icvs_gm": 0.1904186461980914,
  "icvs_wm": 0.48360210231425715,
  "inu_med": 0.8860882520675659,
  "inu_range": 0.6192283689975737,
  "provenance": {
    "md5sum": "57ded657af08047c637cf1e45c3ae3e3",
    "settings": {
      "testing": false
    },
    "software": "mriqc",
    "version": "22.0.6",
    "warnings": {
      "large_rot_frame": true,
      "small_air_mask": false
    },
    "webapi_port": null,
    "webapi_url": "https://mriqc.nimh.nih.gov/api/v1"
  },
  "qi_1": 0.00416730496928107,
  "qi_2": 0.015656375916995747,
  "rpve_csf": 16.13573927890074,
  "rpve_gm": 33.3719437683424,
  "rpve_wm": 12.839127622000618,
  "size_x": 204,
  "size_y": 256,
  "size_z": 256,
  "snr_csf": 11.28361701013573,
  "snr_gm": 2.1692121384592875,
  "snr_total": 8.165051855763762,
  "snr_wm": 11.042326418696266,
  "snrd_csf": 53.935016401243004,
  "snrd_gm": 108.77147753869147,
  "snrd_total": 66.46676984165337,
  "snrd_wm": 36.693815585025625,
  "spacing_x": 1.0,
  "spacing_y": 1.0,
  "spacing_z": 1.0,
  "summary_bg_k": 3.039253211639714,
  "summary_bg_mad": 0.0,
  "summary_bg_mean": 12.44989653491874,
  "summary_bg_median": 0.0,
  "summary_bg_n": 4416597.0,
  "summary_bg_p05": 0.0,
  "summary_bg_p95": 49.46996413171291,
  "summary_bg_stdv": 17.855326876542016,
  "summary_csf_k": 0.5656112312291639,
  "summary_csf_mad": 126.62266960854558,
  "summary_csf_mean": 1474.2369565933607,
  "summary_csf_median": 1469.9646484851837,
  "summary_csf_n": 22514.0,
  "summary_csf_p05": 1270.728034855798,
  "summary_csf_p95": 1693.1795270740986,
  "summary_csf_stdv": 130.27134838358995,
  "summary_gm_k": -1.1878669124039754,
  "summary_gm_mad": 866.4410698311525,
  "summary_gm_mean": 2308.0538729005907,
  "summary_gm_median": 2964.4976012595,
  "summary_gm_n": 70330.0,
  "summary_gm_p05": 61.40409294515848,
  "summary_gm_p95": 3767.6211341824383,
  "summary_gm_stdv": 1366.614391003639,
  "summary_wm_k": 0.02737520311256647,
  "summary_wm_mad": 91.43323137229092,
  "summary_wm_mean": 999.323005028493,
  "summary_wm_median": 1000.0666603446007,
  "summary_wm_n": 201238.0,
  "summary_wm_p05": 850.9233857318759,
  "summary_wm_p95": 1146.343077197671,
  "summary_wm_stdv": 90.56643841486454,
  "tpm_overlap_csf": 0.10864207116685083,
  "tpm_overlap_gm": 0.11370257249338214,
  "tpm_overlap_wm": 0.4433138537285251,
  "wm2max": 0.2669466640565215
}