{
  "bids_meta": {
    "AcquisitionMatrixPE": 256,
    "AcquisitionNumber": 1,
    "AcquisitionTime": "15:21:25.000000",
    "BodyPartExamined": "BRAIN",
    "CoilString": "32Ch Head",
    "ConversionSoftware": "dcm2niix",
    "ConversionSoftwareVersion": "v1.0.20211006",
    "Dcm2bidsVersion": "2.1.6",
    "DeviceSerialNumber": "000301496MR3T6MR",
    "EchoTime": 0.003036,
    "FlipAngle": 11,
    "ImageOrientationPatientDICOM": [
      0,
      1,
      0,
      0,
      0,
      -1
    ],
    "ImageType": [
      "ORIGINAL",
      "PRIMARY",
      "OTHER"
    ],
    "ImagingFrequency": 127.697,
    "InPlanePhaseEncodingDirectionDICOM": "ROW",
    "InstitutionName": "NIH FMRIF",
    "InversionTime": 0.4,
    "MRAcquisitionType": "3D",
    "MagneticFieldStrength": 3,
    "Manufacturer": "GE",
    "ManufacturersModelName": "DISCOVERY MR750",
    "Modality": "MR",
    "ParallelReductionFactorInPlane": 1.72974,
    "PatientPosition": "HFS",
    "PercentPhaseFOV": 100,
    "PercentSampling": 100,
    "PixelBandwidth": 244.141,
    "ProcedureStepDescription": "MRI Brain",
    "ProtocolName": "ADNI3 FMRIF Enhanced Pro",
    "ReconMatrixPE": 256,
    "RepetitionTime": 0.007348,
    "SAR": 0.171598,
    "ScanOptions": "FAST_GEMS\\EDR_GEMS\\FILTERED_GEMS\\ACC_GEMS\\IR_GEMS",
    "ScanningSequence": "GR",
    "SequenceVariant": "SS\\SP\\SK",
    "SeriesDescription": "Accelerated Sagittal IR-FSPGR",
    "SeriesNumber": 3,
    "SliceThickness": 1.2,
    "SoftwareVersions": "27\\LX\\MR Software release:DV26.0_R01_1725.a",
    "SpacingBetweenSlices": 1.2,
    "SpoilingState": true,
    "StationName": "fmrif3tb",
    "acq_id": "FSPGR",
    "dataset": "ds004215",
    "modality": "T1w",
    "rec_id": "SCIC",
    "session_id": "01",
    "subject_id": "ON01016"
  },
  "cjv": 0.2939940498203116,
  "cnr": 4.636592901750395,
  "efc": 0.569745983666375,
  "fber": -1.0,
  "fwhm_avg": 3.6741153904395887,
  "fwhm_x": 3.4012786918181415,
  "fwhm_y": 3.956404601155246,
  "fwhm_z": 3.6646628783453794,
  "icvs_csf": 0.21839110668575604,
  "icvs_gm": 0.457892113296323,
  "icvs_wm": 0.323716780017921,
  "inu_med": 0.5165846347808838,
  "inu_range": 0.11567844152450546,
  "provenance": {
    "md5sum": "b8e71d93fce2511cb7f09fc0f3881095",
    "settings": {
      "testing": false
    },
    "software": "mriqc",
    "version": "22.0.6",
    "warnings": {
      "large_rot_frame": true,
      "small_air_mask": false
    },
    "webapi_port": null,
    "webapi_url": "https://mriqc.nimh.nih.gov/api/v1"
  },
  "qi_1": 0.0,
  "qi_2": 0.004645752273801283,
  "rpve_csf": 33.66985188094591,
  "rpve_gm": 17.29059377996613,
  "rpve_wm": 28.058287372239864,
  "size_x": 196,
  "size_y": 256,
  "size_z": 256,
  "snr_csf": 1.9519055933486371,
  "snr_gm": 10.539367522834716,
  "snr_total": 11.970370249152973,
  "snr_wm": 23.419837631275563,
  "snrd_csf": 15.132676428375765,
  "snrd_gm": 43.15553866511971,
  "snrd_total": 41.58020278875329,
  "snrd_wm": 66.45239327276441,
  "spacing_x": 1.2000045776367188,
  "spacing_y": 1.0547000169754028,
  "spacing_z": 1.0547000169754028,
  "summary_bg_k": 14.1482666363801,
  "summary_bg_mad": 0.0,
  "summary_bg_mean": 5.485592144207923,
  "summary_bg_median": 0.0,
  "summary_bg_n": 1047839.0,
  "summary_bg_p05": 0.0,
  "summary_bg_p95": 23.96700106561184,
  "summary_bg_stdv": 9.85873302060009,
  "summary_csf_k": 0.8082677889654812,
  "summary_csf_mad": 112.82159043726527,
  "summary_csf_mean": 239.58074943371574,
  "summary_csf_median": 227.7220694720745,
  "summary_csf_n": 17052.0,
  "summary_csf_p05": 75.12090222723782,
  "summary_csf_p95": 452.61539275012905,
  "summary_csf_stdv": 116.66311775879431,
  "summary_gm_k": 0.023015757199781106,
  "summary_gm_mad": 62.57907843412798,
  "summary_gm_mean": 649.3628173410531,
  "summary_gm_median": 649.420386441052,
  "summary_gm_n": 31427.0,
  "summary_gm_p05": 547.2939367964864,
  "summary_gm_p95": 748.1935894973575,
  "summary_gm_stdv": 61.617554634778884,
  "summary_wm_k": 0.4470484378659578,
  "summary_wm_mad": 40.4892436709438,
  "summary_wm_mean": 999.3797493044073,
  "summary_wm_median": 1000.0000058859587,
  "summary_wm_n": 129155.0,
  "summary_wm_p05": 927.6367311552167,
  "summary_wm_p95": 1067.9539213702083,
  "summary_wm_stdv": 42.69867922677686,
  "tpm_overlap_csf": 0.14096115122552486,
  "tpm_overlap_gm": 0.4647046389823179,
  "tpm_overlap_wm": 0.4880736653128769,
  "wm2max": 0.4914416894221148
}