{
  "bids_meta": {
    "AcquisitionMatrixPE": 256,
    "AcquisitionNumber": 1,
    "AcquisitionTime": "09:33:31.000000",
    "BodyPartExamined": "BRAIN",
    "CoilString": "32Ch Head",
    "ConversionSoftware": "dcm2niix",
    "ConversionSoftwareVersion": "v1.0.20211006",
    "Dcm2bidsVersion": "2.1.6",
    "DeviceSerialNumber": "000301496mr3T5mr",
    "EchoTime": 0.065753,
    "EchoTrainLength": 140,
    "FlipAngle": 90,
    "ImageOrientationPatientDICOM": [
      0,
      1,
      0,
      0,
      0,
      -1
    ],
    "ImageType": [
      "ORIGINAL",
      "PRIMARY",
      "OTHER"
    ],
    "ImagingFrequency": 127.824,
    "InPlanePhaseEncodingDirectionDICOM": "ROW",
    "InstitutionName": "NIH FMRIF",
    "MRAcquisitionType": "3D",
    "MagneticFieldStrength": 3,
    "Manufacturer": "GE",
    "ManufacturersModelName": "DISCOVERY MR750",
    "Modality": "MR",
    "ParallelReductionFactorInPlane": 2,
    "ParallelReductionOutOfPlane": 1.5,
    "PatientPosition": "HFS",
    "PercentPhaseFOV": 100,
    "PercentSampling": 100,
    "PhaseEncodingAxis": "i",
    "PixelBandwidth": 244.141,
    "ProcedureStepDescription": "MRI Brain",
    "ProtocolName": "ADNI3 FMRIF Enhanced Pro",
    "ReconMatrixPE": 256,
    "RepetitionTime": 3.202,
    "SAR": 0.4499,
    "ScanOptions": "SAT_GEMS\\EDR_GEMS\\PROMO_GEMS\\FILTERED_GEMS\\ACC_GEMS\\FS\\FR_GEMS",
    "ScanningSequence": "RM",
    "SequenceVariant": "NONE",
    "SeriesDescription": "Anat T2w CUBE (ABCD)",
    "SeriesNumber": 4,
    "SliceThickness": 1,
    "SoftwareVersions": "27\\LX\\MR Software release:DV26.0_R03_1831.b",
    "SpacingBetweenSlices": 1,
    "StationName": "FMRI3ta",
    "acq_id": "CUBE",
    "dataset": "ds004215",
    "modality": "T2w",
    "rec_id": "SCIC",
    "session_id": "01",
    "subject_id": "ON52083"
  },
  "cjv": 0.44391826260490125,
  "cnr": 1.2853072391379572,
  "efc": 0.4420749484860262,
  "fber": 3443.57016441322,
  "fwhm_avg": 2.184566822274261,
  "fwhm_x": 1.7453604668227827,
  "fwhm_y": 2.49083,
  "fwhm_z": 2.31751,
  "icvs_csf": 0.28419532891099053,
  "icvs_gm": 0.49714783559046805,
  "icvs_wm": 0.21865683549854137,
  "inu_med": 0.7796302437782288,
  "inu_range": 0.13878319859504695,
  "provenance": {
    "md5sum": "b9bd1945cdf48a10eb754ed7a891a63f",
    "settings": {
      "testing": false
    },
    "software": "mriqc",
    "version": "22.0.6",
    "warnings": {
      "large_rot_frame": true,
      "small_air_mask": false
    },
    "webapi_port": null,
    "webapi_url": "https://mriqc.nimh.nih.gov/api/v1"
  },
  "qi_1": 0.0,
  "qi_2": 0.01077501004008692,
  "rpve_csf": 20.224866778563502,
  "rpve_gm": 13.75711346811082,
  "rpve_wm": 33.86497177866757,
  "size_x": 204,
  "size_y": 256,
  "size_z": 256,
  "snr_csf": 13.461648406839704,
  "snr_gm": 11.936902076378257,
  "snr_total": 9.210746507912706,
  "snr_wm": 2.233689040520157,
  "snrd_csf": 68.53220702792053,
  "snrd_gm": 49.986588342133636,
  "snrd_total": 78.91981710700605,
  "snrd_wm": 118.240655950964,
  "spacing_x": 1.0002059936523438,
  "spacing_y": 1.0,
  "spacing_z": 1.0,
  "summary_bg_k": 61.302215288518525,
  "summary_bg_mad": 5.541544294741476,
  "summary_bg_mean": 5.008925208040299,
  "summary_bg_median": 4.003339231014252,
  "summary_bg_n": 3179722.0,
  "summary_bg_p05": 0.0,
  "summary_bg_p95": 14.723181247711182,
  "summary_bg_stdv": 4.918447944876812,
  "summary_csf_k": 0.7320339247510246,
  "summary_csf_mad": 40.56297905084877,
  "summary_csf_mean": 580.6322192853233,
  "summary_csf_median": 579.6873152852058,
  "summary_csf_n": 16297.0,
  "summary_csf_p05": 511.9075566649437,
  "summary_csf_p95": 651.937153160572,
  "summary_csf_stdv": 43.060813386347945,
  "summary_gm_k": 0.1718155324344499,
  "summary_gm_mad": 35.471509419639595,
  "summary_gm_mean": 422.5117274550403,
  "summary_gm_median": 422.8171315789223,
  "summary_gm_n": 160116.0,
  "summary_gm_p05": 364.3228431940079,
  "summary_gm_p95": 479.30026376247406,
  "summary_gm_stdv": 35.420899704562295,
  "summary_wm_k": -1.3699275819182075,
  "summary_wm_mad": 220.81788179553595,
  "summary_wm_mean": 741.7119435555944,
  "summary_wm_median": 1000.1517735719681,
  "summary_wm_n": 66729.0,
  "summary_wm_p05": 28.004401445388794,
  "summary_wm_p95": 1162.2964990139008,
  "summary_wm_stdv": 447.75448205615027,
  "tpm_overlap_csf": 0.09259834455554755,
  "tpm_overlap_gm": 0.3247939504115803,
  "tpm_overlap_wm": 0.04852762508509748,
  "wm2max": 0.858855923228571
}