{
  "bids_meta": {
    "AcquisitionMatrixPE": 256,
    "AcquisitionNumber": 1,
    "AcquisitionTime": "09:33:31.000000",
    "BodyPartExamined": "BRAIN",
    "CoilString": "32Ch Head",
    "ConversionSoftware": "dcm2niix",
    "ConversionSoftwareVersion": "v1.0.20211006",
    "Dcm2bidsVersion": "2.1.6",
    "DeviceSerialNumber": "000301496mr3T5mr",
    "EchoTime": 0.065753,
    "EchoTrainLength": 140,
    "FlipAngle": 90,
    "ImageOrientationPatientDICOM": [
      0,
      1,
      0,
      0,
      0,
      -1
    ],
    "ImageType": [
      "ORIGINAL",
      "PRIMARY",
      "OTHER"
    ],
    "ImagingFrequency": 127.824,
    "InPlanePhaseEncodingDirectionDICOM": "ROW",
    "InstitutionName": "NIH FMRIF",
    "MRAcquisitionType": "3D",
    "MagneticFieldStrength": 3,
    "Manufacturer": "GE",
    "ManufacturersModelName": "DISCOVERY MR750",
    "Modality": "MR",
    "ParallelReductionFactorInPlane": 2,
    "ParallelReductionOutOfPlane": 1.5,
    "PatientPosition": "HFS",
    "PercentPhaseFOV": 100,
    "PercentSampling": 100,
    "PhaseEncodingAxis": "i",
    "PixelBandwidth": 244.141,
    "ProcedureStepDescription": "MRI Brain",
    "ProtocolName": "ADNI3 FMRIF Enhanced Pro",
    "ReconMatrixPE": 256,
    "RepetitionTime": 3.202,
    "SAR": 0.4499,
    "ScanOptions": "SAT_GEMS\\EDR_GEMS\\PROMO_GEMS\\ACC_GEMS\\FS\\FR_GEMS",
    "ScanningSequence": "RM",
    "SequenceVariant": "NONE",
    "SeriesDescription": "ORIG Anat T2w CUBE (ABCD)",
    "SeriesNumber": 40004,
    "SliceThickness": 1,
    "SoftwareVersions": "27\\LX\\MR Software release:DV26.0_R03_1831.b",
    "SpacingBetweenSlices": 1,
    "StationName": "FMRI3ta",
    "acq_id": "CUBE",
    "dataset": "ds004215",
    "modality": "T2w",
    "session_id": "01",
    "subject_id": "ON52083"
  },
  "cjv": 0.8068246001519598,
  "cnr": 1.0768867155031487,
  "efc": 0.3936713513587713,
  "fber": 7453.444444444445,
  "fwhm_avg": 2.3511822934321898,
  "fwhm_x": 1.90840688029657,
  "fwhm_y": 2.59529,
  "fwhm_z": 2.54985,
  "icvs_csf": 0.27843233795925865,
  "icvs_gm": 0.5083358458705423,
  "icvs_wm": 0.21323181617019912,
  "inu_med": 0.9183523058891296,
  "inu_range": 0.4859176367521285,
  "provenance": {
    "md5sum": "a5006986d18e0965fe320c895cf757dc",
    "settings": {
      "testing": false
    },
    "software": "mriqc",
    "version": "22.0.6",
    "warnings": {
      "large_rot_frame": true,
      "small_air_mask": false
    },
    "webapi_port": null,
    "webapi_url": "https://mriqc.nimh.nih.gov/api/v1"
  },
  "qi_1": 0.0,
  "qi_2": 0.017609531038935564,
  "rpve_csf": 20.61213364422078,
  "rpve_gm": 13.62602188747264,
  "rpve_wm": 34.490701782061464,
  "size_x": 204,
  "size_y": 256,
  "size_z": 256,
  "snr_csf": 12.759040201824183,
  "snr_gm": 11.412348360258596,
  "snr_total": 8.724160777313399,
  "snr_wm": 2.0010937698574134,
  "snrd_csf": 57.741053629808235,
  "snrd_gm": 41.621271737491156,
  "snrd_total": 63.27821105529199,
  "snrd_wm": 90.47230779857658,
  "spacing_x": 1.0002059936523438,
  "spacing_y": 1.0,
  "spacing_z": 1.0,
  "summary_bg_k": 12.134802455472746,
  "summary_bg_mad": 7.241598456016151,
  "summary_bg_mean": 7.272615764937699,
  "summary_bg_median": 4.884383933618665,
  "summary_bg_n": 3928394.0,
  "summary_bg_p05": 0.0,
  "summary_bg_p95": 21.090374557301402,
  "summary_bg_stdv": 7.652985536365122,
  "summary_csf_k": 0.8191247307544609,
  "summary_csf_mad": 46.92388363696015,
  "summary_csf_mean": 639.9773873957652,
  "summary_csf_median": 638.2449896149337,
  "summary_csf_n": 16512.0,
  "summary_csf_p05": 561.7888526655734,
  "summary_csf_p95": 723.9179308135994,
  "summary_csf_stdv": 50.02144773629465,
  "summary_gm_k": 0.04283941723894635,
  "summary_gm_mad": 40.9380536993283,
  "summary_gm_mean": 460.1568329333197,
  "summary_gm_median": 460.06379305385053,
  "summary_gm_n": 174054.0,
  "summary_gm_p05": 394.7598621957004,
  "summary_gm_p95": 525.8476922754198,
  "summary_gm_stdv": 40.31269086052411,
  "summary_wm_k": -1.3134334253609725,
  "summary_wm_mad": 394.7299042787995,
  "summary_wm_mean": 787.6005909670753,
  "summary_wm_median": 1000.0423186169937,
  "summary_wm_n": 62340.0,
  "summary_wm_p05": 28.374600308015943,
  "summary_wm_p95": 1473.7866216999478,
  "summary_wm_stdv": 499.7438464785702,
  "tpm_overlap_csf": 0.09337732050190428,
  "tpm_overlap_gm": 0.3320707224936523,
  "tpm_overlap_wm": 0.045900667416084937,
  "wm2max": 0.6812770710407887
}