{
  "aor": 0.036161111111111116,
  "aqi": 0.0018238699999999998,
  "bids_meta": {
    "AcquisitionMatrixPE": 64,
    "AcquisitionNumber": 1,
    "AcquisitionTime": "16:24:11.000000",
    "BodyPartExamined": "BRAIN",
    "CoilString": "32Ch Head",
    "ConversionSoftware": "dcm2niix",
    "ConversionSoftwareVersion": "v1.0.20211006",
    "Dcm2bidsVersion": "2.1.6",
    "DeviceSerialNumber": "000301496MR3T6MR",
    "EchoTime": 0.0169,
    "EffectiveEchoSpacing": 0.000416,
    "FlipAngle": 90,
    "ImageOrientationPatientDICOM": [
      1,
      0,
      0,
      0,
      1,
      0
    ],
    "ImageType": [
      "ORIGINAL",
      "PRIMARY",
      "OTHER"
    ],
    "ImagingFrequency": 127.696,
    "InPlanePhaseEncodingDirectionDICOM": "COL",
    "InstitutionName": "NIH FMRIF",
    "InternalPulseSequenceName": "EPI",
    "MRAcquisitionType": "2D",
    "MagneticFieldStrength": 3,
    "Manufacturer": "GE",
    "ManufacturersModelName": "DISCOVERY MR750",
    "Modality": "MR",
    "PatientPosition": "HFS",
    "PercentPhaseFOV": 100,
    "PercentSampling": 100,
    "PhaseEncodingDirection": "j-",
    "PhaseEncodingPolarityGE": "Unflipped",
    "PixelBandwidth": 7812.5,
    "ProcedureStepDescription": "MRI Brain",
    "ProtocolName": "ADNI3 FMRIF Enhanced Pro",
    "PulseSequenceName": "epi",
    "ReconMatrixPE": 64,
    "RepetitionTime": 3,
    "SAR": 0.186448,
    "ScanOptions": "MP_GEMS\\EPI_GEMS\\PFF",
    "ScanningSequence": "EP\\GR",
    "SequenceVariant": "SS",
    "SeriesDescription": "Axial rsfMRI reverse blip - RKV",
    "SeriesNumber": 11,
    "SliceThickness": 3.4,
    "SliceTiming": [
      0,
      1.5,
      0.0625,
      1.5625,
      0.125,
      1.625,
      0.1875,
      1.6875,
      0.25,
      1.75,
      0.3125,
      1.8125,
      0.375,
      1.875,
      0.4375,
      1.9375,
      0.5,
      2,
      0.5625,
      2.0625,
      0.625,
      2.125,
      0.6875,
      2.1875,
      0.75,
      2.25,
      0.8125,
      2.3125,
      0.875,
      2.375,
      0.9375,
      2.4375,
      1,
      2.5,
      1.0625,
      2.5625,
      1.125,
      2.625,
      1.1875,
      2.6875,
      1.25,
      2.75,
      1.3125,
      2.8125,
      1.375,
      2.875,
      1.4375,
      2.9375
    ],
    "SoftwareVersions": "27\\LX\\MR Software release:DV26.0_R03_1831.b",
    "SpacingBetweenSlices": 3.4,
    "StationName": "FMRI3tb",
    "TaskName": "Resting state with reverse blip.",
    "TotalReadoutTime": 0.026208,
    "TriggerDelayTime": 29938,
    "dataset": "ds004215",
    "modality": "bold",
    "session_id": "01",
    "subject_id": "ON89045",
    "task_id": "rest"
  },
  "dummy_trs": 1,
  "dvars_nstd": 16.347076297500003,
  "dvars_std": 1.48514659625,
  "dvars_vstd": 1.3703207225,
  "efc": 0.5263614776033042,
  "fber": 2745.07275390625,
  "fd_mean": 0.11397722727743924,
  "fd_num": 1,
  "fd_perc": 11.11111111111111,
  "fwhm_avg": 3.0168746916867453,
  "fwhm_x": 2.864072727272727,
  "fwhm_y": 2.992872727272727,
  "fwhm_z": 3.1936786205147825,
  "gcor": 0.0122525,
  "gsr_x": 0.025944475084543228,
  "gsr_y": 0.07481223344802856,
  "provenance": {
    "md5sum": "4f726442ac56543de6569d0c92833cca",
    "settings": {
      "fd_thres": 0.2,
      "testing": false
    },
    "software": "mriqc",
    "version": "22.0.6",
    "webapi_port": null,
    "webapi_url": "https://mriqc.nimh.nih.gov/api/v1"
  },
  "size_t": 9,
  "size_x": 64,
  "size_y": 64,
  "size_z": 48,
  "snr": 3.8346825966523093,
  "spacing_tr": 3.0,
  "spacing_x": 3.4375,
  "spacing_y": 3.4375,
  "spacing_z": 3.3999977111816406,
  "summary_bg_k": 11.24478702169547,
  "summary_bg_mad": 29.816774493697945,
  "summary_bg_mean": 245.27777099609375,
  "summary_bg_median": 50.33333206176758,
  "summary_bg_n": 124624.0,
  "summary_bg_p05": 24.11111068725586,
  "summary_bg_p95": 1283.4444580078125,
  "summary_bg_stdv": 463.0990905761719,
  "summary_fg_k": 0.5038918653121867,
  "summary_fg_mad": 606.3843073687912,
  "summary_fg_mean": 2664.33349609375,
  "summary_fg_median": 2563.444580078125,
  "summary_fg_n": 32034.0,
  "summary_fg_p05": 1709.183367919922,
  "summary_fg_p95": 3926.4110961914057,
  "summary_fg_stdv": 668.4789428710938,
  "tsnr": 171.4821635838598
}