{
  "aor": 0.005599798994974875,
  "aqi": 0.0034581205829145732,
  "bids_meta": {
    "AcquisitionMatrixPE": 64,
    "AcquisitionNumber": 1,
    "AcquisitionTime": "16:13:14.000000",
    "BodyPartExamined": "BRAIN",
    "CoilString": "32Ch Head",
    "ConversionSoftware": "dcm2niix",
    "ConversionSoftwareVersion": "v1.0.20211006",
    "Dcm2bidsVersion": "2.1.6",
    "DeviceSerialNumber": "000301496MR3T6MR",
    "EchoTime": 0.0169,
    "EffectiveEchoSpacing": 0.000416,
    "FlipAngle": 90,
    "ImageOrientationPatientDICOM": [
      1,
      0,
      0,
      0,
      1,
      0
    ],
    "ImageType": [
      "ORIGINAL",
      "PRIMARY",
      "OTHER"
    ],
    "ImagingFrequency": 127.696,
    "InPlanePhaseEncodingDirectionDICOM": "COL",
    "InstitutionName": "NIH FMRIF",
    "InternalPulseSequenceName": "EPI",
    "MRAcquisitionType": "2D",
    "MagneticFieldStrength": 3,
    "Manufacturer": "GE",
    "ManufacturersModelName": "DISCOVERY MR750",
    "Modality": "MR",
    "PatientPosition": "HFS",
    "PercentPhaseFOV": 100,
    "PercentSampling": 100,
    "PhaseEncodingDirection": "j",
    "PhaseEncodingPolarityGE": "Flipped",
    "PixelBandwidth": 7812.5,
    "ProcedureStepDescription": "MRI Brain",
    "ProtocolName": "ADNI3 FMRIF Enhanced Pro",
    "PulseSequenceName": "epi",
    "ReconMatrixPE": 64,
    "RepetitionTime": 3,
    "SAR": 0.186448,
    "ScanOptions": "MP_GEMS\\EPI_GEMS\\PFF",
    "ScanningSequence": "EP\\GR",
    "SequenceVariant": "SS",
    "SeriesDescription": "Axial rsfMRI with Eyes Open - RKV",
    "SeriesNumber": 10,
    "SliceThickness": 3.4,
    "SliceTiming": [
      0,
      1.5,
      0.0625,
      1.5625,
      0.125,
      1.625,
      0.1875,
      1.6875,
      0.25,
      1.75,
      0.3125,
      1.8125,
      0.375,
      1.875,
      0.4375,
      1.9375,
      0.5,
      2,
      0.5625,
      2.0625,
      0.625,
      2.125,
      0.6875,
      2.1875,
      0.75,
      2.25,
      0.8125,
      2.3125,
      0.875,
      2.375,
      0.9375,
      2.4375,
      1,
      2.5,
      1.0625,
      2.5625,
      1.125,
      2.625,
      1.1875,
      2.6875,
      1.25,
      2.75,
      1.3125,
      2.8125,
      1.375,
      2.875,
      1.4375,
      2.9375
    ],
    "SoftwareVersions": "27\\LX\\MR Software release:DV26.0_R03_1831.b",
    "SpacingBetweenSlices": 3.4,
    "StationName": "FMRI3tb",
    "TaskName": "Resting state with eyes open.",
    "TotalReadoutTime": 0.026208,
    "TriggerDelayTime": 599938,
    "dataset": "ds004215",
    "modality": "bold",
    "session_id": "01",
    "subject_id": "ON89045",
    "task_id": "rest"
  },
  "dummy_trs": 1,
  "dvars_nstd": 13.937181612676767,
  "dvars_std": 1.2777496725757576,
  "dvars_vstd": 1.0065117893939401,
  "efc": 0.5068643745413733,
  "fber": 2742.82958984375,
  "fd_mean": 0.09298599086864456,
  "fd_num": 14,
  "fd_perc": 7.035175879396985,
  "fwhm_avg": 2.8721150699110383,
  "fwhm_x": 2.768381090909091,
  "fwhm_y": 2.6210501818181817,
  "fwhm_z": 3.2269139370058424,
  "gcor": 0.0559114,
  "gsr_x": 0.03137471154332161,
  "gsr_y": 0.05636559799313545,
  "provenance": {
    "md5sum": "81c750dc24c53da33fa4beda26fcebad",
    "settings": {
      "fd_thres": 0.2,
      "testing": false
    },
    "software": "mriqc",
    "version": "22.0.6",
    "webapi_port": null,
    "webapi_url": "https://mriqc.nimh.nih.gov/api/v1"
  },
  "size_t": 199,
  "size_x": 64,
  "size_y": 64,
  "size_z": 48,
  "snr": 3.6651630002483384,
  "spacing_tr": 3.0,
  "spacing_x": 3.4375,
  "spacing_y": 3.4375,
  "spacing_z": 3.3999977111816406,
  "summary_bg_k": 13.750284645169778,
  "summary_bg_mad": 35.76870605274279,
  "summary_bg_mean": 238.85643005371094,
  "summary_bg_median": 53.115577697753906,
  "summary_bg_n": 128847.0,
  "summary_bg_p05": 19.738693237304688,
  "summary_bg_p95": 1255.059777832031,
  "summary_bg_stdv": 458.9822692871094,
  "summary_fg_k": 1.6565420099085921,
  "summary_fg_mad": 617.477762640461,
  "summary_fg_mean": 2780.572509765625,
  "summary_fg_median": 2647.77392578125,
  "summary_fg_n": 29651.0,
  "summary_fg_p05": 1813.17333984375,
  "summary_fg_p95": 4127.77392578125,
  "summary_fg_stdv": 722.4042358398438,
  "tsnr": 92.31595844496042
}