{
  "bids_meta": {
    "AcquisitionMatrixPE": 256,
    "AcquisitionNumber": 1,
    "AcquisitionTime": "15:14:55.000000",
    "BodyPartExamined": "BRAIN",
    "CoilString": "32Ch Head",
    "ConversionSoftware": "dcm2niix",
    "ConversionSoftwareVersion": "v1.0.20211006",
    "Dcm2bidsVersion": "2.1.6",
    "DeviceSerialNumber": "000301496MR3T6MR",
    "EchoTime": 0.067315,
    "EchoTrainLength": 140,
    "FlipAngle": 90,
    "ImageOrientationPatientDICOM": [
      0,
      1,
      0,
      0,
      0,
      -1
    ],
    "ImageType": [
      "ORIGINAL",
      "PRIMARY",
      "OTHER"
    ],
    "ImagingFrequency": 127.697,
    "InPlanePhaseEncodingDirectionDICOM": "ROW",
    "InstitutionName": "NIH FMRIF",
    "MRAcquisitionType": "3D",
    "MagneticFieldStrength": 3,
    "Manufacturer": "GE",
    "ManufacturersModelName": "DISCOVERY MR750",
    "Modality": "MR",
    "ParallelReductionFactorInPlane": 2,
    "ParallelReductionOutOfPlane": 1.5,
    "PatientPosition": "HFS",
    "PercentPhaseFOV": 100,
    "PercentSampling": 100,
    "PhaseEncodingAxis": "i",
    "PixelBandwidth": 244.141,
    "ProcedureStepDescription": "MRI BRAIN",
    "ProtocolName": "ADNI3 FMRIF Enhanced Pro",
    "ReconMatrixPE": 256,
    "RepetitionTime": 3.202,
    "SAR": 0.4685,
    "ScanOptions": "SAT_GEMS\\EDR_GEMS\\PROMO_GEMS\\ACC_GEMS\\FS\\FR_GEMS",
    "ScanningSequence": "RM",
    "SequenceVariant": "NONE",
    "SeriesDescription": "Sag_CUBE_T2",
    "SeriesNumber": 4,
    "SliceThickness": 1,
    "SoftwareVersions": "27\\LX\\MR Software release:DV26.0_R01_1725.a",
    "SpacingBetweenSlices": 1,
    "StationName": "fmrif3tb",
    "acq_id": "CUBE",
    "dataset": "ds004215",
    "modality": "T2w",
    "session_id": "01",
    "subject_id": "ON62623"
  },
  "cjv": 25.006801167617915,
  "cnr": 0.040138265831991864,
  "efc": 0.3377947268216605,
  "fber": 5660.349480968858,
  "fwhm_avg": 2.712056666666667,
  "fwhm_x": 2.44479,
  "fwhm_y": 2.87066,
  "fwhm_z": 2.82072,
  "icvs_csf": 0.12765968923928459,
  "icvs_gm": 0.6401192892128831,
  "icvs_wm": 0.23222102154783233,
  "inu_med": 0.887086808681488,
  "inu_range": 0.7102207303047161,
  "provenance": {
    "md5sum": "cb0e7439a65836378b23a02e0fca0013",
    "settings": {
      "testing": false
    },
    "software": "mriqc",
    "version": "22.0.6",
    "warnings": {
      "large_rot_frame": true,
      "small_air_mask": false
    },
    "webapi_port": null,
    "webapi_url": "https://mriqc.nimh.nih.gov/api/v1"
  },
  "qi_1": 0.0,
  "qi_2": 0.004750757092469191,
  "rpve_csf": 52.454851366447784,
  "rpve_gm": 15.944244880351418,
  "rpve_wm": 40.43174227282134,
  "size_x": 236,
  "size_y": 256,
  "size_z": 256,
  "snr_csf": 12.646995228679556,
  "snr_gm": 9.445878345443344,
  "snr_total": 7.5871115553042285,
  "snr_wm": 0.668461091789787,
  "snrd_csf": 36.51280452860622,
  "snrd_gm": 21.314873073141836,
  "snrd_total": 25.977283851000603,
  "snrd_wm": 20.104173951253753,
  "spacing_x": 1.0,
  "spacing_y": 1.0,
  "spacing_z": 1.0,
  "summary_bg_k": 24.267094406477845,
  "summary_bg_mad": 32.76713480681768,
  "summary_bg_mean": 24.002762508446768,
  "summary_bg_median": 22.77308937162161,
  "summary_bg_n": 3959348.0,
  "summary_bg_p05": 0.0,
  "summary_bg_p95": 61.00201316922903,
  "summary_bg_stdv": 23.253764215856624,
  "summary_csf_k": 3.0469461778194455,
  "summary_csf_mad": 97.41580618243094,
  "summary_csf_mean": 1810.424042328808,
  "summary_csf_median": 1826.2151029370725,
  "summary_csf_n": 1648.0,
  "summary_csf_p05": 1490.4688330259173,
  "summary_csf_p95": 2002.725212033838,
  "summary_csf_stdv": 144.35531252541588,
  "summary_gm_k": -0.17524969314113337,
  "summary_gm_mad": 115.90266940114226,
  "summary_gm_mean": 1069.5862837052923,
  "summary_gm_median": 1066.07924605906,
  "summary_gm_n": 300073.0,
  "summary_gm_p05": 890.3904614970088,
  "summary_gm_p95": 1261.1064901202917,
  "summary_gm_stdv": 112.86165570884762,
  "summary_wm_k": -1.7513277696755598,
  "summary_wm_mad": 1398.359617836895,
  "summary_wm_mean": 1651.460751975204,
  "summary_wm_median": 1005.5252280905843,
  "summary_wm_n": 70882.0,
  "summary_wm_p05": 63.5406526401639,
  "summary_wm_p95": 3758.452003425732,
  "summary_wm_stdv": 1504.2283649171782,
  "tpm_overlap_csf": 0.09622275643404704,
  "tpm_overlap_gm": 0.40383737739060716,
  "tpm_overlap_wm": 0.04795114425472725,
  "wm2max": 0.2696366002602863
}