{
  "aor": 0.03338666666666666,
  "aqi": 0.0010159018888888888,
  "bids_meta": {
    "AcquisitionMatrixPE": 64,
    "AcquisitionNumber": 1,
    "AcquisitionTime": "16:06:56.000000",
    "BodyPartExamined": "BRAIN",
    "CoilString": "32Ch Head",
    "ConversionSoftware": "dcm2niix",
    "ConversionSoftwareVersion": "v1.0.20211006",
    "Dcm2bidsVersion": "2.1.6",
    "DeviceSerialNumber": "000301496MR3T6MR",
    "EchoTime": 0.0169,
    "EffectiveEchoSpacing": 0.000416,
    "FlipAngle": 90,
    "ImageOrientationPatientDICOM": [
      1,
      0,
      0,
      0,
      1,
      0
    ],
    "ImageType": [
      "ORIGINAL",
      "PRIMARY",
      "OTHER"
    ],
    "ImagingFrequency": 127.697,
    "InPlanePhaseEncodingDirectionDICOM": "COL",
    "InstitutionName": "NIH FMRIF",
    "InternalPulseSequenceName": "EPI",
    "MRAcquisitionType": "2D",
    "MagneticFieldStrength": 3,
    "Manufacturer": "GE",
    "ManufacturersModelName": "DISCOVERY MR750",
    "Modality": "MR",
    "PatientPosition": "HFS",
    "PercentPhaseFOV": 100,
    "PercentSampling": 100,
    "PhaseEncodingDirection": "j-",
    "PhaseEncodingPolarityGE": "Unflipped",
    "PixelBandwidth": 7812.5,
    "ProcedureStepDescription": "MRI Brain",
    "ProtocolName": "ADNI3 FMRIF Enhanced Pro",
    "PulseSequenceName": "epi",
    "ReconMatrixPE": 64,
    "RepetitionTime": 3,
    "SAR": 0.164476,
    "ScanOptions": "MP_GEMS\\EPI_GEMS\\PFF",
    "ScanningSequence": "EP\\GR",
    "SequenceVariant": "SS",
    "SeriesDescription": "Axial rsfMRI reverse blip - RKV",
    "SeriesNumber": 11,
    "SliceThickness": 3.4,
    "SliceTiming": [
      0,
      1.5,
      0.0625,
      1.5625,
      0.125,
      1.625,
      0.1875,
      1.6875,
      0.25,
      1.75,
      0.3125,
      1.8125,
      0.375,
      1.875,
      0.4375,
      1.9375,
      0.5,
      2,
      0.5625,
      2.0625,
      0.625,
      2.125,
      0.6875,
      2.1875,
      0.75,
      2.25,
      0.8125,
      2.3125,
      0.875,
      2.375,
      0.9375,
      2.4375,
      1,
      2.5,
      1.0625,
      2.5625,
      1.125,
      2.625,
      1.1875,
      2.6875,
      1.25,
      2.75,
      1.3125,
      2.8125,
      1.375,
      2.875,
      1.4375,
      2.9375
    ],
    "SoftwareVersions": "27\\LX\\MR Software release:DV26.0_R03_1831.b",
    "SpacingBetweenSlices": 3.4,
    "StationName": "FMRI3tb",
    "TaskName": "Resting state with reverse blip.",
    "TotalReadoutTime": 0.026208,
    "TriggerDelayTime": 29938,
    "dataset": "ds004215",
    "modality": "bold",
    "session_id": "01",
    "subject_id": "ON58053",
    "task_id": "rest"
  },
  "dummy_trs": 1,
  "dvars_nstd": 11.03647863875,
  "dvars_std": 1.3927738824999998,
  "dvars_vstd": 1.349958165,
  "efc": 0.47690693944695056,
  "fber": 4959.37353515625,
  "fd_mean": 0.05006876055615862,
  "fd_num": 0,
  "fd_perc": 0.0,
  "fwhm_avg": 2.688473848670823,
  "fwhm_x": 2.614629818181818,
  "fwhm_y": 2.5803665454545457,
  "fwhm_z": 2.870425182376106,
  "gcor": 0.00979315,
  "gsr_x": -0.02034255862236023,
  "gsr_y": 0.07088202238082886,
  "provenance": {
    "md5sum": "451f584a6cb0fd6dc281788a276c2cc3",
    "settings": {
      "fd_thres": 0.2,
      "testing": false
    },
    "software": "mriqc",
    "version": "22.0.6",
    "webapi_port": null,
    "webapi_url": "https://mriqc.nimh.nih.gov/api/v1"
  },
  "size_t": 9,
  "size_x": 64,
  "size_y": 64,
  "size_z": 48,
  "snr": 4.25665918943126,
  "spacing_tr": 3.0,
  "spacing_x": 3.4375,
  "spacing_y": 3.4375,
  "spacing_z": 3.4000015258789062,
  "summary_bg_k": 19.33107182075281,
  "summary_bg_mad": 9.060349090298145,
  "summary_bg_mean": 147.1884002685547,
  "summary_bg_median": 33.77777862548828,
  "summary_bg_n": 131265.0,
  "summary_bg_p05": 24.44444465637207,
  "summary_bg_p95": 824.20001220703,
  "summary_bg_stdv": 303.75457763671875,
  "summary_fg_k": 1.4602229429709652,
  "summary_fg_mad": 502.93153879674867,
  "summary_fg_mean": 2476.67236328125,
  "summary_fg_median": 2392.444580078125,
  "summary_fg_n": 28084.0,
  "summary_fg_p05": 1690.9055786132812,
  "summary_fg_p95": 3500.7611694335938,
  "summary_fg_stdv": 562.0374755859375,
  "tsnr": 215.978741414845
}