{
  "bids_meta": {
    "AcquisitionMatrixPE": 256,
    "AcquisitionNumber": 1,
    "AcquisitionTime": "14:00:39.000000",
    "BodyPartExamined": "BRAIN",
    "CoilString": "32Ch Head",
    "ConversionSoftware": "dcm2niix",
    "ConversionSoftwareVersion": "v1.0.20211006",
    "Dcm2bidsVersion": "2.1.6",
    "DeviceSerialNumber": "000301496MR3T6MR",
    "EchoTime": 0.066226,
    "EchoTrainLength": 140,
    "FlipAngle": 90,
    "ImageOrientationPatientDICOM": [
      0,
      1,
      0,
      0,
      0,
      -1
    ],
    "ImageType": [
      "ORIGINAL",
      "PRIMARY",
      "OTHER"
    ],
    "ImagingFrequency": 127.697,
    "InPlanePhaseEncodingDirectionDICOM": "ROW",
    "InstitutionName": "NIH FMRIF",
    "MRAcquisitionType": "3D",
    "MagneticFieldStrength": 3,
    "Manufacturer": "GE",
    "ManufacturersModelName": "DISCOVERY MR750",
    "Modality": "MR",
    "ParallelReductionFactorInPlane": 2,
    "ParallelReductionOutOfPlane": 1.5,
    "PatientPosition": "HFS",
    "PercentPhaseFOV": 100,
    "PercentSampling": 100,
    "PhaseEncodingAxis": "i",
    "PixelBandwidth": 244.141,
    "ProcedureStepDescription": "MRI Brain",
    "ProtocolName": "ADNI3 FMRIF Enhanced Pro",
    "ReconMatrixPE": 256,
    "RepetitionTime": 3.202,
    "SAR": 0.4607,
    "ScanOptions": "SAT_GEMS\\EDR_GEMS\\PROMO_GEMS\\ACC_GEMS\\FS\\FR_GEMS",
    "ScanningSequence": "RM",
    "SequenceVariant": "NONE",
    "SeriesDescription": "Sag_CUBE_T2",
    "SeriesNumber": 4,
    "SliceThickness": 1,
    "SoftwareVersions": "27\\LX\\MR Software release:DV26.0_R01_1725.a",
    "SpacingBetweenSlices": 1,
    "StationName": "fmrif3tb",
    "acq_id": "CUBE",
    "dataset": "ds004215",
    "modality": "T2w",
    "session_id": "01",
    "subject_id": "ON06910"
  },
  "cjv": 1.0248802288072705,
  "cnr": 1.0909584134669643,
  "efc": 0.4005758303582586,
  "fber": 7009.241359044996,
  "fwhm_avg": 2.3673,
  "fwhm_x": 1.98514,
  "fwhm_y": 2.63305,
  "fwhm_z": 2.48371,
  "icvs_csf": 0.12930346894757314,
  "icvs_gm": 0.6813500365810148,
  "icvs_wm": 0.18934649447141208,
  "inu_med": 0.8593748211860657,
  "inu_range": 0.44254709780216217,
  "provenance": {
    "md5sum": "4e41e24f059be906ed30a420958d505c",
    "settings": {
      "testing": false
    },
    "software": "mriqc",
    "version": "22.0.6",
    "warnings": {
      "large_rot_frame": true,
      "small_air_mask": false
    },
    "webapi_port": null,
    "webapi_url": "https://mriqc.nimh.nih.gov/api/v1"
  },
  "qi_1": 0.0,
  "qi_2": 0.013554183891619853,
  "rpve_csf": 36.35276828303782,
  "rpve_gm": 11.498387317727886,
  "rpve_wm": 39.20777495650538,
  "size_x": 204,
  "size_y": 256,
  "size_z": 256,
  "snr_csf": 9.758331658335305,
  "snr_gm": 8.8016704616347,
  "snr_total": 6.808001405005856,
  "snr_wm": 1.8640020950475629,
  "snrd_csf": 72.56508481884146,
  "snrd_gm": 43.82854076828534,
  "snrd_total": 74.21931268730127,
  "snrd_wm": 106.264312474777,
  "spacing_x": 1.0,
  "spacing_y": 1.0,
  "spacing_z": 1.0,
  "summary_bg_k": 92.98574282993981,
  "summary_bg_mad": 6.1654877306392795,
  "summary_bg_mean": 5.554051025099124,
  "summary_bg_median": 4.158558279275894,
  "summary_bg_n": 3683336.0,
  "summary_bg_p05": 0.0,
  "summary_bg_p95": 16.394316293299198,
  "summary_bg_stdv": 7.174067372918015,
  "summary_csf_k": 1.4620715527024366,
  "summary_csf_mad": 59.48114765776997,
  "summary_csf_mean": 688.4919569716614,
  "summary_csf_median": 682.9099102467299,
  "summary_csf_n": 591.0,
  "summary_csf_p05": 582.1448442488909,
  "summary_csf_p95": 810.079155575484,
  "summary_csf_stdv": 69.92300851930585,
  "summary_gm_k": -0.02138945065372555,
  "summary_gm_mad": 47.624440483463665,
  "summary_gm_mean": 415.1415238297993,
  "summary_gm_median": 412.47033496946096,
  "summary_gm_n": 381269.0,
  "summary_gm_p05": 342.8944560661912,
  "summary_gm_p95": 496.1746490523219,
  "summary_gm_stdv": 46.86267179045868,
  "summary_wm_k": -1.5404621911391712,
  "summary_wm_mad": 554.5777168995536,
  "summary_wm_mean": 753.5015667006714,
  "summary_wm_median": 1000.0532938912511,
  "summary_wm_n": 45497.0,
  "summary_wm_p05": 26.41750804334879,
  "summary_wm_p95": 1473.153275978565,
  "summary_wm_stdv": 536.502778707483,
  "tpm_overlap_csf": 0.10822731268011898,
  "tpm_overlap_gm": 0.4124849717727428,
  "tpm_overlap_wm": 0.04465920894137349,
  "wm2max": 0.6924780802953392
}