{
  "bids_meta": {
    "AcquisitionMatrixPE": 256,
    "AcquisitionNumber": 1,
    "AcquisitionTime": "15:31:42.000000",
    "BodyPartExamined": "BRAIN",
    "CoilString": "32Ch Head",
    "ConversionSoftware": "dcm2niix",
    "ConversionSoftwareVersion": "v1.0.20211006",
    "Dcm2bidsVersion": "2.1.6",
    "DeviceSerialNumber": "000301496MR3T6MR",
    "EchoTime": 0.065821,
    "EchoTrainLength": 140,
    "FlipAngle": 90,
    "ImageOrientationPatientDICOM": [
      0,
      1,
      0,
      0,
      0,
      -1
    ],
    "ImageType": [
      "ORIGINAL",
      "PRIMARY",
      "OTHER"
    ],
    "ImagingFrequency": 127.697,
    "InPlanePhaseEncodingDirectionDICOM": "ROW",
    "InstitutionName": "NIH FMRIF",
    "MRAcquisitionType": "3D",
    "MagneticFieldStrength": 3,
    "Manufacturer": "GE",
    "ManufacturersModelName": "DISCOVERY MR750",
    "Modality": "MR",
    "ParallelReductionFactorInPlane": 2,
    "ParallelReductionOutOfPlane": 1.5,
    "PatientPosition": "HFS",
    "PercentPhaseFOV": 100,
    "PercentSampling": 100,
    "PhaseEncodingAxis": "i",
    "PixelBandwidth": 244.141,
    "ProcedureStepDescription": "MRI BRAIN",
    "ProtocolName": "ADNI3 FMRIF Enhanced Pro",
    "ReconMatrixPE": 256,
    "RepetitionTime": 3.202,
    "SAR": 0.4912,
    "ScanOptions": "SAT_GEMS\\EDR_GEMS\\PROMO_GEMS\\ACC_GEMS\\FS\\FR_GEMS",
    "ScanningSequence": "RM",
    "SequenceVariant": "NONE",
    "SeriesDescription": "Sag_CUBE_T2",
    "SeriesNumber": 4,
    "SliceThickness": 1,
    "SoftwareVersions": "27\\LX\\MR Software release:DV26.0_R01_1725.a",
    "SpacingBetweenSlices": 1,
    "StationName": "fmrif3tb",
    "acq_id": "CUBE",
    "dataset": "ds004215",
    "modality": "T2w",
    "session_id": "01",
    "subject_id": "ON67563"
  },
  "cjv": 0.9951923579596557,
  "cnr": 1.061462855549402,
  "efc": 0.3625662098082793,
  "fber": 14193.018077819364,
  "fwhm_avg": 2.3194500000000002,
  "fwhm_x": 1.93243,
  "fwhm_y": 2.58094,
  "fwhm_z": 2.44498,
  "icvs_csf": 0.23934071628044498,
  "icvs_gm": 0.5371488952465887,
  "icvs_wm": 0.22351038847296628,
  "inu_med": 0.8716267347335815,
  "inu_range": 0.5143270254135133,
  "provenance": {
    "md5sum": "5d4b70224835bf5b9bf7f154454eb9a6",
    "settings": {
      "testing": false
    },
    "software": "mriqc",
    "version": "22.0.6",
    "warnings": {
      "large_rot_frame": true,
      "small_air_mask": false
    },
    "webapi_port": null,
    "webapi_url": "https://mriqc.nimh.nih.gov/api/v1"
  },
  "qi_1": 0.0,
  "qi_2": 0.010280750470292173,
  "rpve_csf": 25.293799777895657,
  "rpve_gm": 14.648997953563244,
  "rpve_wm": 36.02745730304307,
  "size_x": 204,
  "size_y": 256,
  "size_z": 256,
  "snr_csf": 10.9433495930137,
  "snr_gm": 10.45851910589321,
  "snr_total": 7.746162461919185,
  "snr_wm": 1.8366186868506453,
  "snrd_csf": 67.8195388539257,
  "snrd_gm": 46.49553808615347,
  "snrd_total": 74.96541477728812,
  "snrd_wm": 110.58116739178514,
  "spacing_x": 1.0,
  "spacing_y": 1.0,
  "spacing_z": 1.0,
  "summary_bg_k": 59.323961211872984,
  "summary_bg_mad": 5.92837645288511,
  "summary_bg_mean": 4.232335702626209,
  "summary_bg_median": 3.998629152774811,
  "summary_bg_n": 3056891.0,
  "summary_bg_p05": 0.0,
  "summary_bg_p95": 12.824174925684929,
  "summary_bg_stdv": 4.7994557391641015,
  "summary_csf_k": 1.0055542974912246,
  "summary_csf_mad": 51.703911778376565,
  "summary_csf_mean": 616.981473318869,
  "summary_csf_median": 613.7038900405169,
  "summary_csf_n": 12546.0,
  "summary_csf_p05": 532.5602798759937,
  "summary_csf_p95": 713.612495586276,
  "summary_csf_stdv": 56.077842180541644,
  "summary_gm_k": 0.18796498327748878,
  "summary_gm_mad": 39.931849964790416,
  "summary_gm_mean": 422.0260512729388,
  "summary_gm_median": 420.7414717823267,
  "summary_gm_n": 213832.0,
  "summary_gm_p05": 358.1343639045954,
  "summary_gm_p95": 489.546454846859,
  "summary_gm_stdv": 40.229451579902424,
  "summary_wm_k": -1.4891163439475419,
  "summary_wm_mad": 537.195597723575,
  "summary_wm_mean": 774.6732223950766,
  "summary_wm_median": 1000.6569454818964,
  "summary_wm_n": 57607.0,
  "summary_wm_p05": 23.90609000623226,
  "summary_wm_p95": 1548.329187391698,
  "summary_wm_stdv": 544.8317973707211,
  "tpm_overlap_csf": 0.10165926514318192,
  "tpm_overlap_gm": 0.34039655293526705,
  "tpm_overlap_wm": 0.04937624834240265,
  "wm2max": 0.6696932046258244
}