{
  "aor": 0.02769,
  "aqi": 0.0019917622222222226,
  "bids_meta": {
    "AcquisitionMatrixPE": 64,
    "AcquisitionNumber": 1,
    "AcquisitionTime": "15:02:32.000000",
    "BodyPartExamined": "BRAIN",
    "CoilString": "32Ch Head",
    "ConversionSoftware": "dcm2niix",
    "ConversionSoftwareVersion": "v1.0.20211006",
    "Dcm2bidsVersion": "2.1.6",
    "DeviceSerialNumber": "000301496MR3T6MR",
    "EchoTime": 0.0169,
    "EffectiveEchoSpacing": 0.000416,
    "FlipAngle": 90,
    "ImageOrientationPatientDICOM": [
      1,
      0,
      0,
      0,
      1,
      0
    ],
    "ImageType": [
      "ORIGINAL",
      "PRIMARY",
      "OTHER"
    ],
    "ImagingFrequency": 127.697,
    "InPlanePhaseEncodingDirectionDICOM": "COL",
    "InstitutionName": "NIH FMRIF",
    "InternalPulseSequenceName": "EPI",
    "MRAcquisitionType": "2D",
    "MagneticFieldStrength": 3,
    "Manufacturer": "GE",
    "ManufacturersModelName": "DISCOVERY MR750",
    "Modality": "MR",
    "PatientPosition": "HFS",
    "PercentPhaseFOV": 100,
    "PercentSampling": 100,
    "PhaseEncodingDirection": "j-",
    "PhaseEncodingPolarityGE": "Unflipped",
    "PixelBandwidth": 7812.5,
    "ProcedureStepDescription": "MRI Brain",
    "ProtocolName": "ADNI3 FMRIF Enhanced Pro",
    "PulseSequenceName": "epi",
    "ReconMatrixPE": 64,
    "RepetitionTime": 3,
    "SAR": 0.148371,
    "ScanOptions": "MP_GEMS\\EPI_GEMS\\PFF",
    "ScanningSequence": "EP\\GR",
    "SequenceVariant": "SS",
    "SeriesDescription": "Axial rsfMRI reverse blip - RKV",
    "SeriesNumber": 12,
    "SliceThickness": 3.4,
    "SliceTiming": [
      0,
      1.5,
      0.0625,
      1.5625,
      0.125,
      1.625,
      0.1875,
      1.6875,
      0.25,
      1.75,
      0.3125,
      1.8125,
      0.375,
      1.875,
      0.4375,
      1.9375,
      0.5,
      2,
      0.5625,
      2.0625,
      0.625,
      2.125,
      0.6875,
      2.1875,
      0.75,
      2.25,
      0.8125,
      2.3125,
      0.875,
      2.375,
      0.9375,
      2.4375,
      1,
      2.5,
      1.0625,
      2.5625,
      1.125,
      2.625,
      1.1875,
      2.6875,
      1.25,
      2.75,
      1.3125,
      2.8125,
      1.375,
      2.875,
      1.4375,
      2.9375
    ],
    "SoftwareVersions": "27\\LX\\MR Software release:DV26.0_R01_1725.a",
    "SpacingBetweenSlices": 3.4,
    "StationName": "fmrif3tb",
    "TaskName": "Resting state with reverse blip.",
    "TotalReadoutTime": 0.026208,
    "TriggerDelayTime": 29938,
    "dataset": "ds004215",
    "modality": "bold",
    "session_id": "01",
    "subject_id": "ON80356",
    "task_id": "rest"
  },
  "dummy_trs": 1,
  "dvars_nstd": 14.307025313750003,
  "dvars_std": 1.14332590875,
  "dvars_vstd": 1.21876561625,
  "efc": 0.4351234319073209,
  "fber": 5923.40185546875,
  "fd_mean": 0.10504646829059017,
  "fd_num": 0,
  "fd_perc": 0.0,
  "fwhm_avg": 2.618447488528884,
  "fwhm_x": 2.5267694545454544,
  "fwhm_y": 2.5530007272727273,
  "fwhm_z": 2.7755722837684704,
  "gcor": 0.102267,
  "gsr_x": 0.0004227841563988477,
  "gsr_y": 0.023151308298110962,
  "provenance": {
    "md5sum": "d5aef84d6a550b9c76fadcc4078daaed",
    "settings": {
      "fd_thres": 0.2,
      "testing": false
    },
    "software": "mriqc",
    "version": "22.0.6",
    "webapi_port": null,
    "webapi_url": "https://mriqc.nimh.nih.gov/api/v1"
  },
  "size_t": 9,
  "size_x": 64,
  "size_y": 64,
  "size_z": 48,
  "snr": 4.875475254374439,
  "spacing_tr": 3.0,
  "spacing_x": 3.4375,
  "spacing_y": 3.4375,
  "spacing_z": 3.4000015258789062,
  "summary_bg_k": 24.010077924409323,
  "summary_bg_mad": 6.918809410413037,
  "summary_bg_mean": 104.09244537353516,
  "summary_bg_median": 31.11111068725586,
  "summary_bg_n": 138044.0,
  "summary_bg_p05": 23.44444465637207,
  "summary_bg_p95": 523.7611083984382,
  "summary_bg_stdv": 214.4895782470703,
  "summary_fg_k": 0.8388154005625923,
  "summary_fg_mad": 421.14137673642836,
  "summary_fg_mean": 2491.802978515625,
  "summary_fg_median": 2409.0556640625,
  "summary_fg_n": 23268.0,
  "summary_fg_p05": 1793.6722229003906,
  "summary_fg_p95": 3439.022216796873,
  "summary_fg_stdv": 494.1064758300781,
  "tsnr": 138.71215503662825
}