{
  "bids_meta": {
    "AcquisitionMatrixPE": 256,
    "AcquisitionNumber": 1,
    "AcquisitionTime": "15:12:14.000000",
    "BodyPartExamined": "BRAIN",
    "CoilString": "32Ch Head",
    "ConversionSoftware": "dcm2niix",
    "ConversionSoftwareVersion": "v1.0.20211006",
    "Dcm2bidsVersion": "2.1.6",
    "DeviceSerialNumber": "000301496MR3T6MR",
    "EchoTime": 0.00292,
    "FlipAngle": 8,
    "ImageOrientationPatientDICOM": [
      0,
      1,
      0,
      0,
      0,
      -1
    ],
    "ImageType": [
      "ORIGINAL",
      "PRIMARY",
      "OTHER"
    ],
    "ImagingFrequency": 127.697,
    "InPlanePhaseEncodingDirectionDICOM": "ROW",
    "InstitutionName": "NIH FMRIF",
    "InversionTime": 1.06,
    "MRAcquisitionType": "3D",
    "MagneticFieldStrength": 3,
    "Manufacturer": "GE",
    "ManufacturersModelName": "DISCOVERY MR750",
    "Modality": "MR",
    "ParallelReductionFactorInPlane": 2,
    "ParallelReductionOutOfPlane": 2,
    "PatientPosition": "HFS",
    "PercentPhaseFOV": 100,
    "PercentSampling": 100,
    "PixelBandwidth": 244.141,
    "ProcedureStepDescription": "MRI Brain",
    "ProtocolName": "ADNI3 FMRIF Enhanced Pro",
    "ReconMatrixPE": 256,
    "RepetitionTime": 0.006952,
    "SAR": 0.110244,
    "ScanOptions": "EDR_GEMS\\PROMO_GEMS\\FILTERED_GEMS\\ACC_GEMS\\IR_GEMS",
    "ScanningSequence": "RM",
    "SequenceVariant": "NONE",
    "SeriesDescription": "Anat T1w MP-RAGE 1mm (ABCD)",
    "SeriesNumber": 3,
    "SliceThickness": 1,
    "SoftwareVersions": "27\\LX\\MR Software release:DV26.0_R03_1831.b",
    "SpacingBetweenSlices": 1,
    "StationName": "FMRI3tb",
    "acq_id": "MPRAGE",
    "dataset": "ds004215",
    "modality": "T1w",
    "rec_id": "SCIC",
    "session_id": "01",
    "subject_id": "ON58053"
  },
  "cjv": 0.34730307553643,
  "cnr": 3.789616561708971,
  "efc": 0.6621554689348313,
  "fber": 21622.141662245245,
  "fwhm_avg": 3.4617766666666667,
  "fwhm_x": 3.26757,
  "fwhm_y": 3.6703,
  "fwhm_z": 3.44746,
  "icvs_csf": 0.20361636665866092,
  "icvs_gm": 0.4272374172997772,
  "icvs_wm": 0.3691462160415619,
  "inu_med": 0.37714922428131104,
  "inu_range": 0.05810612589120867,
  "provenance": {
    "md5sum": "ec364cd418d91d2db258ef94ca24270c",
    "settings": {
      "testing": false
    },
    "software": "mriqc",
    "version": "22.0.6",
    "warnings": {
      "large_rot_frame": true,
      "small_air_mask": false
    },
    "webapi_port": null,
    "webapi_url": "https://mriqc.nimh.nih.gov/api/v1"
  },
  "qi_1": 0.0,
  "qi_2": 0.0021534614278775044,
  "rpve_csf": 29.227162880618657,
  "rpve_gm": 14.900789491143103,
  "rpve_wm": 20.51169713149158,
  "size_x": 208,
  "size_y": 256,
  "size_z": 256,
  "snr_csf": 1.542694570244892,
  "snr_gm": 8.244318394155066,
  "snr_total": 10.519360402838068,
  "snr_wm": 21.771068244114247,
  "snrd_csf": 10.95973382193101,
  "snrd_gm": 46.21608432558241,
  "snrd_total": 42.69536370644536,
  "snrd_wm": 70.91027297182266,
  "spacing_x": 1.0,
  "spacing_y": 1.0,
  "spacing_z": 1.0,
  "summary_bg_k": 6.162051668466912,
  "summary_bg_mad": 0.0,
  "summary_bg_mean": 5.302728575351075,
  "summary_bg_median": 0.0,
  "summary_bg_n": 864251.0,
  "summary_bg_p05": 0.0,
  "summary_bg_p95": 26.93547702394426,
  "summary_bg_stdv": 9.238949298853559,
  "summary_csf_k": 2.1329124253513427,
  "summary_csf_mad": 68.09316535358008,
  "summary_csf_mean": 182.79995132011837,
  "summary_csf_median": 154.55777622759342,
  "summary_csf_n": 26999.0,
  "summary_csf_p05": 73.2584235901013,
  "summary_csf_p95": 399.4767190888524,
  "summary_csf_stdv": 100.18503785198575,
  "summary_gm_k": 0.08499329683727241,
  "summary_gm_mad": 77.06372986353799,
  "summary_gm_mean": 652.2735297097311,
  "summary_gm_median": 651.7544436175376,
  "summary_gm_n": 30632.0,
  "summary_gm_p05": 522.3929022070952,
  "summary_gm_p95": 784.4694869592786,
  "summary_gm_stdv": 79.05369175644006,
  "summary_wm_k": 0.4093292876957819,
  "summary_wm_mad": 43.883031791956235,
  "summary_wm_mean": 999.6403680026151,
  "summary_wm_median": 1000.0000255741179,
  "summary_wm_n": 222702.0,
  "summary_wm_p05": 923.5621410794556,
  "summary_wm_p95": 1074.1485113278031,
  "summary_wm_stdv": 45.93241678387425,
  "tpm_overlap_csf": 0.15233138649589248,
  "tpm_overlap_gm": 0.44853880679822955,
  "tpm_overlap_wm": 0.49782659633229526,
  "wm2max": 0.7573567894193809
}