{
  "bids_meta": {
    "AcquisitionMatrixPE": 256,
    "AcquisitionNumber": 1,
    "AcquisitionTime": "15:18:45.000000",
    "BodyPartExamined": "BRAIN",
    "CoilString": "32Ch Head",
    "ConversionSoftware": "dcm2niix",
    "ConversionSoftwareVersion": "v1.0.20211006",
    "Dcm2bidsVersion": "2.1.6",
    "DeviceSerialNumber": "000301496MR3T6MR",
    "EchoTime": 0.066091,
    "EchoTrainLength": 140,
    "FlipAngle": 90,
    "ImageOrientationPatientDICOM": [
      0,
      1,
      0,
      0,
      0,
      -1
    ],
    "ImageType": [
      "ORIGINAL",
      "PRIMARY",
      "OTHER"
    ],
    "ImagingFrequency": 127.697,
    "InPlanePhaseEncodingDirectionDICOM": "ROW",
    "InstitutionName": "NIH FMRIF",
    "MRAcquisitionType": "3D",
    "MagneticFieldStrength": 3,
    "Manufacturer": "GE",
    "ManufacturersModelName": "DISCOVERY MR750",
    "Modality": "MR",
    "ParallelReductionFactorInPlane": 2,
    "ParallelReductionOutOfPlane": 1.5,
    "PatientPosition": "HFS",
    "PercentPhaseFOV": 100,
    "PercentSampling": 100,
    "PhaseEncodingAxis": "i",
    "PixelBandwidth": 244.141,
    "ProcedureStepDescription": "MRI Brain",
    "ProtocolName": "ADNI3 FMRIF Enhanced Pro",
    "ReconMatrixPE": 256,
    "RepetitionTime": 3.202,
    "SAR": 0.4545,
    "ScanOptions": "SAT_GEMS\\EDR_GEMS\\PROMO_GEMS\\ACC_GEMS\\FS\\FR_GEMS",
    "ScanningSequence": "RM",
    "SequenceVariant": "NONE",
    "SeriesDescription": "ORIG Anat T2w CUBE (ABCD)",
    "SeriesNumber": 40004,
    "SliceThickness": 1,
    "SoftwareVersions": "27\\LX\\MR Software release:DV26.0_R03_1831.b",
    "SpacingBetweenSlices": 1,
    "StationName": "FMRI3tb",
    "acq_id": "CUBE",
    "dataset": "ds004215",
    "modality": "T2w",
    "session_id": "01",
    "subject_id": "ON58053"
  },
  "cjv": 1.3723561549025909,
  "cnr": 1.0023384095076515,
  "efc": 0.38678535857074475,
  "fber": -1.0,
  "fwhm_avg": 2.4722000000000004,
  "fwhm_x": 2.01299,
  "fwhm_y": 2.75033,
  "fwhm_z": 2.65328,
  "icvs_csf": 0.35909422049411505,
  "icvs_gm": 0.4615141067822705,
  "icvs_wm": 0.17939167272361442,
  "inu_med": 0.9379926919937134,
  "inu_range": 0.5385696291923523,
  "provenance": {
    "md5sum": "2e6cabf52c4991b1708b30154a2a1523",
    "settings": {
      "testing": false
    },
    "software": "mriqc",
    "version": "22.0.6",
    "warnings": {
      "large_rot_frame": true,
      "small_air_mask": false
    },
    "webapi_port": null,
    "webapi_url": "https://mriqc.nimh.nih.gov/api/v1"
  },
  "qi_1": 0.0,
  "qi_2": 0.015154261204239652,
  "rpve_csf": 17.00543989876387,
  "rpve_gm": 14.967325315588477,
  "rpve_wm": 38.07818948847651,
  "size_x": 204,
  "size_y": 256,
  "size_z": 256,
  "snr_csf": 12.279800798368992,
  "snr_gm": 12.908412785146204,
  "snr_total": 8.95850679820793,
  "snr_wm": 1.6873068111085965,
  "snrd_csf": 109.88161714696228,
  "snrd_gm": 75.1379138751405,
  "snrd_total": 123.4971051519534,
  "snrd_wm": 185.47178443375742,
  "spacing_x": 1.0,
  "spacing_y": 1.0,
  "spacing_z": 1.0,
  "summary_bg_k": 10.222725197326808,
  "summary_bg_mad": 0.0,
  "summary_bg_mean": 2.4538995707628892,
  "summary_bg_median": 0.0,
  "summary_bg_n": 3846598.0,
  "summary_bg_p05": 0.0,
  "summary_bg_p95": 9.498938471078873,
  "summary_bg_stdv": 3.533587782729709,
  "summary_csf_k": 0.40257725266337197,
  "summary_csf_mad": 46.80199992669704,
  "summary_csf_mean": 594.2211564464671,
  "summary_csf_median": 592.6648861169815,
  "summary_csf_n": 32664.0,
  "summary_csf_p05": 517.3133370429277,
  "summary_csf_p95": 675.0272831320763,
  "summary_csf_stdv": 48.262656995572826,
  "summary_gm_k": 0.04981937718450746,
  "summary_gm_mad": 31.782812677493357,
  "summary_gm_mean": 405.12940506976287,
  "summary_gm_median": 405.26890963315964,
  "summary_gm_n": 180156.0,
  "summary_gm_p05": 353.44086468219757,
  "summary_gm_p95": 455.375092625618,
  "summary_gm_stdv": 31.395632569619593,
  "summary_wm_k": -1.489246735859112,
  "summary_wm_mad": 784.9120860433701,
  "summary_wm_mean": 815.5186754073518,
  "summary_wm_median": 1000.3731001913548,
  "summary_wm_n": 42753.0,
  "summary_wm_p05": 21.74137699604034,
  "summary_wm_p95": 1661.969860047102,
  "summary_wm_stdv": 592.8746296096076,
  "tpm_overlap_csf": 0.1059572581234149,
  "tpm_overlap_gm": 0.29064256050080517,
  "tpm_overlap_wm": 0.04266585565907353,
  "wm2max": 0.6297696403320269
}