{
  "aor": 0.006903567839195981,
  "aqi": 0.002344771050251256,
  "bids_meta": {
    "AcquisitionMatrixPE": 64,
    "AcquisitionNumber": 1,
    "AcquisitionTime": "16:08:57.000000",
    "BodyPartExamined": "BRAIN",
    "CoilString": "32Ch Head",
    "ConversionSoftware": "dcm2niix",
    "ConversionSoftwareVersion": "v1.0.20211006",
    "Dcm2bidsVersion": "2.1.6",
    "DeviceSerialNumber": "000301496MR3T6MR",
    "EchoTime": 0.0169,
    "EffectiveEchoSpacing": 0.000416,
    "FlipAngle": 90,
    "ImageOrientationPatientDICOM": [
      1,
      0,
      0,
      0,
      1,
      0
    ],
    "ImageType": [
      "ORIGINAL",
      "PRIMARY",
      "OTHER"
    ],
    "ImagingFrequency": 127.696,
    "InPlanePhaseEncodingDirectionDICOM": "COL",
    "InstitutionName": "NIH FMRIF",
    "InternalPulseSequenceName": "EPI",
    "MRAcquisitionType": "2D",
    "MagneticFieldStrength": 3,
    "Manufacturer": "GE",
    "ManufacturersModelName": "DISCOVERY MR750",
    "Modality": "MR",
    "PatientPosition": "HFS",
    "PercentPhaseFOV": 100,
    "PercentSampling": 100,
    "PhaseEncodingDirection": "j",
    "PhaseEncodingPolarityGE": "Flipped",
    "PixelBandwidth": 7812.5,
    "ProcedureStepDescription": "MRI Brain",
    "ProtocolName": "ADNI3 FMRIF Enhanced Pro",
    "PulseSequenceName": "epi",
    "ReconMatrixPE": 64,
    "RepetitionTime": 3,
    "SAR": 0.151341,
    "ScanOptions": "MP_GEMS\\EPI_GEMS\\PFF",
    "ScanningSequence": "EP\\GR",
    "SequenceVariant": "SS",
    "SeriesDescription": "Axial rsfMRI with Eyes Open - RKV",
    "SeriesNumber": 10,
    "SliceThickness": 3.4,
    "SliceTiming": [
      0,
      1.5,
      0.0625,
      1.5625,
      0.125,
      1.625,
      0.1875,
      1.6875,
      0.25,
      1.75,
      0.3125,
      1.8125,
      0.375,
      1.875,
      0.4375,
      1.9375,
      0.5,
      2,
      0.5625,
      2.0625,
      0.625,
      2.125,
      0.6875,
      2.1875,
      0.75,
      2.25,
      0.8125,
      2.3125,
      0.875,
      2.375,
      0.9375,
      2.4375,
      1,
      2.5,
      1.0625,
      2.5625,
      1.125,
      2.625,
      1.1875,
      2.6875,
      1.25,
      2.75,
      1.3125,
      2.8125,
      1.375,
      2.875,
      1.4375,
      2.9375
    ],
    "SoftwareVersions": "27\\LX\\MR Software release:DV26.0_R03_1831.b",
    "SpacingBetweenSlices": 3.4,
    "StationName": "FMRI3tb",
    "TaskName": "Resting state with eyes open.",
    "TotalReadoutTime": 0.026208,
    "TriggerDelayTime": 599938,
    "dataset": "ds004215",
    "modality": "bold",
    "session_id": "01",
    "subject_id": "ON99620",
    "task_id": "rest"
  },
  "dummy_trs": 1,
  "dvars_nstd": 10.418412940606059,
  "dvars_std": 1.0545730925757573,
  "dvars_vstd": 0.9210500285858587,
  "efc": 0.45636125094477514,
  "fber": 4339.166015625,
  "fd_mean": 0.08949348546487197,
  "fd_num": 9,
  "fd_perc": 4.522613065326633,
  "fwhm_avg": 2.8691136290313968,
  "fwhm_x": 2.773664,
  "fwhm_y": 2.6627665454545455,
  "fwhm_z": 3.170910341639646,
  "gcor": 0.0407315,
  "gsr_x": 0.013053447008132935,
  "gsr_y": 0.01574087142944336,
  "provenance": {
    "md5sum": "6e0032bfee7312027323477478ef6f16",
    "settings": {
      "fd_thres": 0.2,
      "testing": false
    },
    "software": "mriqc",
    "version": "22.0.6",
    "webapi_port": null,
    "webapi_url": "https://mriqc.nimh.nih.gov/api/v1"
  },
  "size_t": 199,
  "size_x": 64,
  "size_y": 64,
  "size_z": 48,
  "snr": 4.053168940656862,
  "spacing_tr": 3.0,
  "spacing_x": 3.4375,
  "spacing_y": 3.4375,
  "spacing_z": 3.4000015258789062,
  "summary_bg_k": 31.966643718247397,
  "summary_bg_mad": 18.02963609899168,
  "summary_bg_mean": 137.06492614746094,
  "summary_bg_median": 38.51758575439453,
  "summary_bg_n": 135454.0,
  "summary_bg_p05": 20.797235679626468,
  "summary_bg_p95": 638.2637969970699,
  "summary_bg_stdv": 263.7275085449219,
  "summary_fg_k": 0.7736105345250048,
  "summary_fg_mad": 533.4501236236729,
  "summary_fg_mean": 2570.728271484375,
  "summary_fg_median": 2474.82666015625,
  "summary_fg_n": 25060.0,
  "summary_fg_p05": 1688.1929870605468,
  "summary_fg_p95": 3700.394787597656,
  "summary_fg_stdv": 610.578369140625,
  "tsnr": 88.13277955632657
}