{
  "aor": 0.039454444444444445,
  "aqi": 0.0007009574444444445,
  "bids_meta": {
    "AcquisitionMatrixPE": 64,
    "AcquisitionNumber": 1,
    "AcquisitionTime": "16:19:55.000000",
    "BodyPartExamined": "BRAIN",
    "CoilString": "32Ch Head",
    "ConversionSoftware": "dcm2niix",
    "ConversionSoftwareVersion": "v1.0.20211006",
    "Dcm2bidsVersion": "2.1.6",
    "DeviceSerialNumber": "000301496MR3T6MR",
    "EchoTime": 0.0169,
    "EffectiveEchoSpacing": 0.000416,
    "FlipAngle": 90,
    "ImageOrientationPatientDICOM": [
      1,
      0,
      0,
      0,
      1,
      0
    ],
    "ImageType": [
      "ORIGINAL",
      "PRIMARY",
      "OTHER"
    ],
    "ImagingFrequency": 127.696,
    "InPlanePhaseEncodingDirectionDICOM": "COL",
    "InstitutionName": "NIH FMRIF",
    "InternalPulseSequenceName": "EPI",
    "MRAcquisitionType": "2D",
    "MagneticFieldStrength": 3,
    "Manufacturer": "GE",
    "ManufacturersModelName": "DISCOVERY MR750",
    "Modality": "MR",
    "PatientPosition": "HFS",
    "PercentPhaseFOV": 100,
    "PercentSampling": 100,
    "PhaseEncodingDirection": "j",
    "PhaseEncodingPolarityGE": "Flipped",
    "PixelBandwidth": 7812.5,
    "ProcedureStepDescription": "MRI Brain",
    "ProtocolName": "ADNI3 FMRIF Enhanced Pro",
    "PulseSequenceName": "epi",
    "ReconMatrixPE": 64,
    "RepetitionTime": 3,
    "SAR": 0.151341,
    "ScanOptions": "MP_GEMS\\EPI_GEMS\\PFF",
    "ScanningSequence": "EP\\GR",
    "SequenceVariant": "SS",
    "SeriesDescription": "Axial rsfMRI reverse blip - RKV",
    "SeriesNumber": 11,
    "SliceThickness": 3.4,
    "SliceTiming": [
      0,
      1.5,
      0.0625,
      1.5625,
      0.125,
      1.625,
      0.1875,
      1.6875,
      0.25,
      1.75,
      0.3125,
      1.8125,
      0.375,
      1.875,
      0.4375,
      1.9375,
      0.5,
      2,
      0.5625,
      2.0625,
      0.625,
      2.125,
      0.6875,
      2.1875,
      0.75,
      2.25,
      0.8125,
      2.3125,
      0.875,
      2.375,
      0.9375,
      2.4375,
      1,
      2.5,
      1.0625,
      2.5625,
      1.125,
      2.625,
      1.1875,
      2.6875,
      1.25,
      2.75,
      1.3125,
      2.8125,
      1.375,
      2.875,
      1.4375,
      2.9375
    ],
    "SoftwareVersions": "27\\LX\\MR Software release:DV26.0_R03_1831.b",
    "SpacingBetweenSlices": 3.4,
    "StationName": "FMRI3tb",
    "TaskName": "Resting state with reverse blip.",
    "TotalReadoutTime": 0.026208,
    "TriggerDelayTime": 29938,
    "dataset": "ds004215",
    "modality": "bold",
    "session_id": "01",
    "subject_id": "ON99620",
    "task_id": "rest"
  },
  "dummy_trs": 1,
  "dvars_nstd": 13.258127092499999,
  "dvars_std": 1.40971057125,
  "dvars_vstd": 1.42140922125,
  "efc": 0.45576958368520837,
  "fber": 4757.94384765625,
  "fd_mean": 0.09691461145075013,
  "fd_num": 0,
  "fd_perc": 0.0,
  "fwhm_avg": 2.803343577176697,
  "fwhm_x": 2.690382545454545,
  "fwhm_y": 2.607237818181818,
  "fwhm_z": 3.112410367893727,
  "gcor": 0.0432757,
  "gsr_x": 0.00869788322597742,
  "gsr_y": 0.011800222098827362,
  "provenance": {
    "md5sum": "97cdcfa7b75222a9e55eca7c68f9b97a",
    "settings": {
      "fd_thres": 0.2,
      "testing": false
    },
    "software": "mriqc",
    "version": "22.0.6",
    "webapi_port": null,
    "webapi_url": "https://mriqc.nimh.nih.gov/api/v1"
  },
  "size_t": 9,
  "size_x": 64,
  "size_y": 64,
  "size_z": 48,
  "snr": 4.0658514876337435,
  "spacing_tr": 3.0,
  "spacing_x": 3.4375,
  "spacing_y": 3.4375,
  "spacing_z": 3.4000015258789062,
  "summary_bg_k": 35.90989162242284,
  "summary_bg_mad": 14.167090379355143,
  "summary_bg_mean": 140.6529998779297,
  "summary_bg_median": 36.55555725097656,
  "summary_bg_n": 136094.0,
  "summary_bg_p05": 24.0,
  "summary_bg_p95": 680.888916015625,
  "summary_bg_stdv": 277.1619873046875,
  "summary_fg_k": 0.6759995666049172,
  "summary_fg_mad": 532.9129698902103,
  "summary_fg_mean": 2569.972900390625,
  "summary_fg_median": 2477.111083984375,
  "summary_fg_n": 25081.0,
  "summary_fg_p05": 1684.77783203125,
  "summary_fg_p95": 3689.5556640625,
  "summary_fg_stdv": 609.2356567382812,
  "tsnr": 179.49163496680558
}