{
  "bids_meta": {
    "AcquisitionMatrixPE": 256,
    "AcquisitionNumber": 1,
    "AcquisitionTime": "15:03:26.000000",
    "BodyPartExamined": "BRAIN",
    "CoilString": "32Ch Head",
    "ConversionSoftware": "dcm2niix",
    "ConversionSoftwareVersion": "v1.0.20211006",
    "Dcm2bidsVersion": "2.1.6",
    "DeviceSerialNumber": "000301496MR3T6MR",
    "EchoTime": 0.00292,
    "FlipAngle": 8,
    "ImageOrientationPatientDICOM": [
      0,
      1,
      0,
      0,
      0,
      -1
    ],
    "ImageType": [
      "ORIGINAL",
      "PRIMARY",
      "OTHER"
    ],
    "ImagingFrequency": 127.697,
    "InPlanePhaseEncodingDirectionDICOM": "ROW",
    "InstitutionName": "NIH FMRIF",
    "InversionTime": 1.06,
    "MRAcquisitionType": "3D",
    "MagneticFieldStrength": 3,
    "Manufacturer": "GE",
    "ManufacturersModelName": "DISCOVERY MR750",
    "Modality": "MR",
    "ParallelReductionFactorInPlane": 2,
    "ParallelReductionOutOfPlane": 2,
    "PatientPosition": "HFS",
    "PercentPhaseFOV": 100,
    "PercentSampling": 100,
    "PixelBandwidth": 244.141,
    "ProcedureStepDescription": "MRI Brain",
    "ProtocolName": "ADNI3 FMRIF Enhanced Pro",
    "ReconMatrixPE": 256,
    "RepetitionTime": 0.006952,
    "SAR": 0.12659,
    "ScanOptions": "EDR_GEMS\\PROMO_GEMS\\FILTERED_GEMS\\ACC_GEMS\\IR_GEMS",
    "ScanningSequence": "RM",
    "SequenceVariant": "NONE",
    "SeriesDescription": "Anat T1w MP-RAGE 1mm (ABCD)",
    "SeriesNumber": 3,
    "SliceThickness": 1,
    "SoftwareVersions": "27\\LX\\MR Software release:DV26.0_R01_1725.a",
    "SpacingBetweenSlices": 1,
    "StationName": "fmrif3tb",
    "acq_id": "MPRAGE",
    "dataset": "ds004215",
    "modality": "T1w",
    "rec_id": "SCIC",
    "session_id": "01",
    "subject_id": "ON49080"
  },
  "cjv": 0.3263569783708963,
  "cnr": 4.068251884061682,
  "efc": 0.6554441864830298,
  "fber": 13667.320785246877,
  "fwhm_avg": 3.408146666666667,
  "fwhm_x": 3.34619,
  "fwhm_y": 3.63005,
  "fwhm_z": 3.2482,
  "icvs_csf": 0.2479466248085366,
  "icvs_gm": 0.4301074321543086,
  "icvs_wm": 0.3219459430371548,
  "inu_med": 0.4662322998046875,
  "inu_range": 0.07502008080482486,
  "provenance": {
    "md5sum": "5e10d6797993e844e88cf7541a5b097f",
    "settings": {
      "testing": false
    },
    "software": "mriqc",
    "version": "22.0.6",
    "warnings": {
      "large_rot_frame": true,
      "small_air_mask": false
    },
    "webapi_port": null,
    "webapi_url": "https://mriqc.nimh.nih.gov/api/v1"
  },
  "qi_1": 0.0,
  "qi_2": 0.0024219572299235955,
  "rpve_csf": 26.606836263628328,
  "rpve_gm": 15.612596845576405,
  "rpve_wm": 24.396986912835565,
  "size_x": 208,
  "size_y": 256,
  "size_z": 256,
  "snr_csf": 1.7651048378818626,
  "snr_gm": 8.53986713728748,
  "snr_total": 10.260551562039538,
  "snr_wm": 20.476682710949273,
  "snrd_csf": 20.094432490367904,
  "snrd_gm": 60.8250407746706,
  "snrd_total": 58.884418065119185,
  "snrd_wm": 95.73378093031906,
  "spacing_x": 1.0,
  "spacing_y": 1.0,
  "spacing_z": 1.0,
  "summary_bg_k": 5.607867294265448,
  "summary_bg_mad": 6.84331494047607,
  "summary_bg_mean": 6.897564036288644,
  "summary_bg_median": 4.615745784714818,
  "summary_bg_n": 889873.0,
  "summary_bg_p05": 0.0,
  "summary_bg_p95": 31.42358005978167,
  "summary_bg_stdv": 10.672568271633184,
  "summary_csf_k": -0.03741811390251204,
  "summary_csf_mad": 119.5453660788249,
  "summary_csf_mean": 234.63635586466833,
  "summary_csf_median": 209.8990837354213,
  "summary_csf_n": 34836.0,
  "summary_csf_p05": 81.10152198001742,
  "summary_csf_p95": 457.87807019473985,
  "summary_csf_stdv": 118.91422341281692,
  "summary_gm_k": 0.11276757783026348,
  "summary_gm_mad": 72.53140580979156,
  "summary_gm_mean": 636.0302680528239,
  "summary_gm_median": 635.3561033830047,
  "summary_gm_n": 26345.0,
  "summary_gm_p05": 513.3387331757694,
  "summary_gm_p95": 760.878311067447,
  "summary_gm_stdv": 74.39741563581494,
  "summary_wm_k": 0.46497680256258045,
  "summary_wm_mad": 46.472681121199074,
  "summary_wm_mean": 998.7331098860507,
  "summary_wm_median": 1000.0000203754753,
  "summary_wm_n": 167146.0,
  "summary_wm_p05": 916.0560334771872,
  "summary_wm_p95": 1076.1467869933695,
  "summary_wm_stdv": 48.835890221587476,
  "tpm_overlap_csf": 0.14108482389447022,
  "tpm_overlap_gm": 0.4643818848770664,
  "tpm_overlap_wm": 0.4957064206777203,
  "wm2max": 0.6691270132090945
}