{
  "bids_meta": {
    "AcquisitionMatrixPE": 256,
    "AcquisitionNumber": 1,
    "AcquisitionTime": "15:48:10.000000",
    "BodyPartExamined": "BRAIN",
    "CoilString": "32Ch Head",
    "ConversionSoftware": "dcm2niix",
    "ConversionSoftwareVersion": "v1.0.20211006",
    "Dcm2bidsVersion": "2.1.6",
    "DeviceSerialNumber": "000301496MR3T6MR",
    "EchoTime": 0.00292,
    "FlipAngle": 8,
    "ImageOrientationPatientDICOM": [
      0,
      1,
      0,
      0,
      0,
      -1
    ],
    "ImageType": [
      "ORIGINAL",
      "PRIMARY",
      "OTHER"
    ],
    "ImagingFrequency": 127.697,
    "InPlanePhaseEncodingDirectionDICOM": "ROW",
    "InstitutionName": "NIH FMRIF",
    "InversionTime": 1.06,
    "MRAcquisitionType": "3D",
    "MagneticFieldStrength": 3,
    "Manufacturer": "GE",
    "ManufacturersModelName": "DISCOVERY MR750",
    "Modality": "MR",
    "ParallelReductionFactorInPlane": 2,
    "ParallelReductionOutOfPlane": 2,
    "PatientPosition": "HFS",
    "PercentPhaseFOV": 100,
    "PercentSampling": 100,
    "PixelBandwidth": 244.141,
    "ProcedureStepDescription": "MRI Brain",
    "ProtocolName": "ADNI3 FMRIF Enhanced Pro",
    "ReconMatrixPE": 256,
    "RepetitionTime": 0.006952,
    "SAR": 0.135236,
    "ScanOptions": "EDR_GEMS\\PROMO_GEMS\\ACC_GEMS\\IR_GEMS",
    "ScanningSequence": "RM",
    "SequenceVariant": "NONE",
    "SeriesDescription": "ORIG Anat T1w MP-RAGE 1mm (ABCD)",
    "SeriesNumber": 40003,
    "SliceThickness": 1,
    "SoftwareVersions": "27\\LX\\MR Software release:DV26.0_R03_1831.b",
    "SpacingBetweenSlices": 1,
    "StationName": "FMRI3tb",
    "acq_id": "MPRAGE",
    "dataset": "ds004215",
    "modality": "T1w",
    "session_id": "01",
    "subject_id": "ON30080"
  },
  "cjv": 0.40191477823818017,
  "cnr": 3.3042581939072755,
  "efc": 0.4562101794162954,
  "fber": 4624.588763329023,
  "fwhm_avg": 3.6941166666666665,
  "fwhm_x": 3.56601,
  "fwhm_y": 3.96655,
  "fwhm_z": 3.54979,
  "icvs_csf": 0.23552892220024554,
  "icvs_gm": 0.4073826107999589,
  "icvs_wm": 0.3570884669997956,
  "inu_med": 0.874159425497055,
  "inu_range": 0.5790530622005462,
  "provenance": {
    "md5sum": "18533a64e4034a6a42e6231ba5b05ea2",
    "settings": {
      "testing": false
    },
    "software": "mriqc",
    "version": "22.0.6",
    "warnings": {
      "large_rot_frame": true,
      "small_air_mask": false
    },
    "webapi_port": null,
    "webapi_url": "https://mriqc.nimh.nih.gov/api/v1"
  },
  "qi_1": 0.0,
  "qi_2": 0.0009742281995870502,
  "rpve_csf": 27.308651032303313,
  "rpve_gm": 15.889700085205076,
  "rpve_wm": 21.522352817964133,
  "size_x": 208,
  "size_y": 256,
  "size_z": 256,
  "snr_csf": 1.2989769466532055,
  "snr_gm": 7.424020564074605,
  "snr_total": 9.036191556937181,
  "snr_wm": 18.38557716008373,
  "snrd_csf": 6.445463012628072,
  "snrd_gm": 30.00384122238646,
  "snrd_total": 27.42150499721699,
  "snrd_wm": 45.81521075663644,
  "spacing_x": 1.0,
  "spacing_y": 1.0,
  "spacing_z": 1.0,
  "summary_bg_k": 2.947950569026913,
  "summary_bg_mad": 14.300165691747349,
  "summary_bg_mean": 13.03936644649835,
  "summary_bg_median": 9.645315185189247,
  "summary_bg_n": 3792346.0,
  "summary_bg_p05": 0.0,
  "summary_bg_p95": 37.39751751348376,
  "summary_bg_stdv": 13.01280789109777,
  "summary_csf_k": 1.6170287584565655,
  "summary_csf_mad": 86.9710077070816,
  "summary_csf_mean": 166.29769259233458,
  "summary_csf_median": 140.69007467851043,
  "summary_csf_n": 33455.0,
  "summary_csf_p05": 36.56889725439251,
  "summary_csf_p95": 390.41166905723503,
  "summary_csf_stdv": 108.30675043843267,
  "summary_gm_k": 0.12457132093096268,
  "summary_gm_mad": 86.32100017563855,
  "summary_gm_mean": 653.474647514697,
  "summary_gm_median": 654.9169010743499,
  "summary_gm_n": 23669.0,
  "summary_gm_p05": 505.7740229062736,
  "summary_gm_p95": 798.1586000427602,
  "summary_gm_stdv": 88.2140695014761,
  "summary_wm_k": 0.4117685198364649,
  "summary_wm_mad": 52.39060703431074,
  "summary_wm_mean": 1000.400190127056,
  "summary_wm_median": 1000.0438153371215,
  "summary_wm_n": 203255.0,
  "summary_wm_p05": 911.9207084178925,
  "summary_wm_p95": 1089.5260348506272,
  "summary_wm_stdv": 54.39270938055625,
  "tpm_overlap_csf": 0.16211667425978127,
  "tpm_overlap_gm": 0.4464127549815282,
  "tpm_overlap_wm": 0.5150220634376254,
  "wm2max": 0.46843553620569267
}