{
  "bids_meta": {
    "AcquisitionMatrixPE": 256,
    "AcquisitionNumber": 1,
    "AcquisitionTime": "15:36:52.000000",
    "BodyPartExamined": "BRAIN",
    "CoilString": "32Ch Head",
    "ConversionSoftware": "dcm2niix",
    "ConversionSoftwareVersion": "v1.0.20211006",
    "Dcm2bidsVersion": "2.1.6",
    "DeviceSerialNumber": "000301496MR3T6MR",
    "EchoTime": 0.066562,
    "EchoTrainLength": 140,
    "FlipAngle": 90,
    "ImageOrientationPatientDICOM": [
      0,
      1,
      0,
      0,
      0,
      -1
    ],
    "ImageType": [
      "ORIGINAL",
      "PRIMARY",
      "OTHER"
    ],
    "ImagingFrequency": 127.696,
    "InPlanePhaseEncodingDirectionDICOM": "ROW",
    "InstitutionName": "NIH FMRIF",
    "MRAcquisitionType": "3D",
    "MagneticFieldStrength": 3,
    "Manufacturer": "GE",
    "ManufacturersModelName": "DISCOVERY MR750",
    "Modality": "MR",
    "ParallelReductionFactorInPlane": 2,
    "ParallelReductionOutOfPlane": 1.5,
    "PatientPosition": "HFS",
    "PercentPhaseFOV": 100,
    "PercentSampling": 100,
    "PhaseEncodingAxis": "i",
    "PixelBandwidth": 244.141,
    "ProcedureStepDescription": "MRI Brain",
    "ProtocolName": "ADNI3 FMRIF Enhanced Pro",
    "ReconMatrixPE": 256,
    "RepetitionTime": 3.202,
    "SAR": 0.4543,
    "ScanOptions": "SAT_GEMS\\EDR_GEMS\\PROMO_GEMS\\FILTERED_GEMS\\ACC_GEMS\\FS\\FR_GEMS",
    "ScanningSequence": "RM",
    "SequenceVariant": "NONE",
    "SeriesDescription": "Anat T2w CUBE (ABCD)",
    "SeriesNumber": 4,
    "SliceThickness": 1,
    "SoftwareVersions": "27\\LX\\MR Software release:DV26.0_R03_1831.b",
    "SpacingBetweenSlices": 1,
    "StationName": "FMRI3tb",
    "acq_id": "CUBE",
    "dataset": "ds004215",
    "modality": "T2w",
    "rec_id": "SCIC",
    "session_id": "01",
    "subject_id": "ON89045"
  },
  "cjv": 0.8358840972248812,
  "cnr": 1.1122428261617752,
  "efc": 0.46225298308660484,
  "fber": 6447.612979119694,
  "fwhm_avg": 2.2472933333333334,
  "fwhm_x": 1.86418,
  "fwhm_y": 2.53868,
  "fwhm_z": 2.33902,
  "icvs_csf": 0.14099140244939878,
  "icvs_gm": 0.649230853648933,
  "icvs_wm": 0.20977774390166823,
  "inu_med": 0.7659440040588379,
  "inu_range": 0.16041560173034664,
  "provenance": {
    "md5sum": "40c616d57944bfa30a6dbafa18baa2b6",
    "settings": {
      "testing": false
    },
    "software": "mriqc",
    "version": "22.0.6",
    "warnings": {
      "large_rot_frame": true,
      "small_air_mask": false
    },
    "webapi_port": null,
    "webapi_url": "https://mriqc.nimh.nih.gov/api/v1"
  },
  "qi_1": 0.0,
  "qi_2": 0.0034667117517966557,
  "rpve_csf": 29.72286145874422,
  "rpve_gm": 10.403907650773846,
  "rpve_wm": 30.863274171412968,
  "size_x": 204,
  "size_y": 256,
  "size_z": 256,
  "snr_csf": 8.29772522753591,
  "snr_gm": 10.280211555449215,
  "snr_total": 6.83201183237711,
  "snr_wm": 1.918098714146207,
  "snrd_csf": 72.087361867582,
  "snrd_gm": 46.56108778345311,
  "snrd_total": 76.64963876573746,
  "snrd_wm": 111.30046664617731,
  "spacing_x": 1.0,
  "spacing_y": 1.0,
  "spacing_z": 1.0,
  "summary_bg_k": 277.64333484993654,
  "summary_bg_mad": 0.0,
  "summary_bg_mean": 3.01917883498112,
  "summary_bg_median": 0.0,
  "summary_bg_n": 2958734.0,
  "summary_bg_p05": 0.0,
  "summary_bg_p95": 9.776855355128646,
  "summary_bg_stdv": 5.889006652937581,
  "summary_csf_k": 1.8348613057293157,
  "summary_csf_mad": 68.50591770780511,
  "summary_csf_mean": 656.0019536743472,
  "summary_csf_median": 647.9917062018067,
  "summary_csf_n": 1721.0,
  "summary_csf_p05": 548.0643565636128,
  "summary_csf_p95": 799.4810700695962,
  "summary_csf_stdv": 78.07000121770847,
  "summary_gm_k": 0.13535954389690863,
  "summary_gm_mad": 40.80810731381383,
  "summary_gm_mean": 419.8999288871738,
  "summary_gm_median": 418.5365913491696,
  "summary_gm_n": 397911.0,
  "summary_gm_p05": 356.0352931022644,
  "summary_gm_p95": 488.7597371377051,
  "summary_gm_stdv": 40.71278720034161,
  "summary_wm_k": -1.6748481150115155,
  "summary_wm_mad": 445.62699389443753,
  "summary_wm_mean": 748.636638062741,
  "summary_wm_median": 1000.477440353483,
  "summary_wm_n": 60577.0,
  "summary_wm_p05": 25.697976496070623,
  "summary_wm_p95": 1311.302561558783,
  "summary_wm_stdv": 521.5942094336843,
  "tpm_overlap_csf": 0.09758859913820814,
  "tpm_overlap_gm": 0.39385293603209637,
  "tpm_overlap_wm": 0.04849972020601575,
  "wm2max": 0.7641015885094645
}