{
  "aor": 0.0014571859296482414,
  "aqi": 0.002975526834170854,
  "bids_meta": {
    "AcquisitionMatrixPE": 64,
    "AcquisitionNumber": 1,
    "AcquisitionTime": "16:10:37.000000",
    "BodyPartExamined": "BRAIN",
    "CoilString": "32Ch Head",
    "ConversionSoftware": "dcm2niix",
    "ConversionSoftwareVersion": "v1.0.20211006",
    "Dcm2bidsVersion": "2.1.6",
    "DeviceSerialNumber": "000301496MR3T6MR",
    "EchoTime": 0.0169,
    "EffectiveEchoSpacing": 0.000416,
    "FlipAngle": 90,
    "ImageOrientationPatientDICOM": [
      1,
      0,
      0,
      0,
      1,
      0
    ],
    "ImageType": [
      "ORIGINAL",
      "PRIMARY",
      "OTHER"
    ],
    "ImagingFrequency": 127.697,
    "InPlanePhaseEncodingDirectionDICOM": "COL",
    "InstitutionName": "NIH FMRIF",
    "InternalPulseSequenceName": "EPI",
    "MRAcquisitionType": "2D",
    "MagneticFieldStrength": 3,
    "Manufacturer": "GE",
    "ManufacturersModelName": "DISCOVERY MR750",
    "Modality": "MR",
    "PatientPosition": "HFS",
    "PercentPhaseFOV": 100,
    "PercentSampling": 100,
    "PhaseEncodingDirection": "j",
    "PhaseEncodingPolarityGE": "Flipped",
    "PixelBandwidth": 7812.5,
    "ProcedureStepDescription": "MRI Brain",
    "ProtocolName": "ADNI3 FMRIF Enhanced Pro",
    "PulseSequenceName": "epi",
    "ReconMatrixPE": 64,
    "RepetitionTime": 3,
    "SAR": 0.148085,
    "ScanOptions": "MP_GEMS\\EPI_GEMS\\PFF",
    "ScanningSequence": "EP\\GR",
    "SequenceVariant": "SS",
    "SeriesDescription": "Axial rsfMRI with Eyes Open - RKV",
    "SeriesNumber": 10,
    "SliceThickness": 3.4,
    "SliceTiming": [
      0,
      1.5,
      0.0625,
      1.5625,
      0.125,
      1.625,
      0.1875,
      1.6875,
      0.25,
      1.75,
      0.3125,
      1.8125,
      0.375,
      1.875,
      0.4375,
      1.9375,
      0.5,
      2,
      0.5625,
      2.0625,
      0.625,
      2.125,
      0.6875,
      2.1875,
      0.75,
      2.25,
      0.8125,
      2.3125,
      0.875,
      2.375,
      0.9375,
      2.4375,
      1,
      2.5,
      1.0625,
      2.5625,
      1.125,
      2.625,
      1.1875,
      2.6875,
      1.25,
      2.75,
      1.3125,
      2.8125,
      1.375,
      2.875,
      1.4375,
      2.9375
    ],
    "SoftwareVersions": "27\\LX\\MR Software release:DV26.0_R01_1725.a",
    "SpacingBetweenSlices": 3.4,
    "StationName": "fmrif3tb",
    "TaskName": "Resting state with eyes open.",
    "TotalReadoutTime": 0.026208,
    "TriggerDelayTime": 599938,
    "dataset": "ds004215",
    "modality": "bold",
    "session_id": "01",
    "subject_id": "ON95003",
    "task_id": "rest"
  },
  "dummy_trs": 1,
  "dvars_nstd": 12.82997268151516,
  "dvars_std": 1.146819455757576,
  "dvars_vstd": 0.9307228918181819,
  "efc": 0.4331982321107507,
  "fber": 6234.8046875,
  "fd_mean": 0.07781140558837406,
  "fd_num": 6,
  "fd_perc": 3.0150753768844223,
  "fwhm_avg": 2.653838962444,
  "fwhm_x": 2.6672,
  "fwhm_y": 2.4109381818181816,
  "fwhm_z": 2.8833787055138185,
  "gcor": 0.0757103,
  "gsr_x": -0.009162282571196556,
  "gsr_y": 0.029242217540740967,
  "provenance": {
    "md5sum": "b72fb759d8a57f4edecd8ceda3b20c18",
    "settings": {
      "fd_thres": 0.2,
      "testing": false
    },
    "software": "mriqc",
    "version": "22.0.6",
    "webapi_port": null,
    "webapi_url": "https://mriqc.nimh.nih.gov/api/v1"
  },
  "size_t": 199,
  "size_x": 64,
  "size_y": 64,
  "size_z": 48,
  "snr": 4.338618237005404,
  "spacing_tr": 3.0,
  "spacing_x": 3.4375,
  "spacing_y": 3.4375,
  "spacing_z": 3.399993896484375,
  "summary_bg_k": 37.37385687874695,
  "summary_bg_mad": 7.763173951321065,
  "summary_bg_mean": 112.60847473144531,
  "summary_bg_median": 31.92964744567871,
  "summary_bg_n": 138166.0,
  "summary_bg_p05": 23.276382446289062,
  "summary_bg_p95": 580.9321746826172,
  "summary_bg_stdv": 227.2649688720703,
  "summary_fg_k": 1.4302692883550217,
  "summary_fg_mad": 492.29451941314903,
  "summary_fg_mean": 2588.699951171875,
  "summary_fg_median": 2501.69580078125,
  "summary_fg_n": 23660.0,
  "summary_fg_p05": 1785.7990295410157,
  "summary_fg_p95": 3660.2479003906246,
  "summary_fg_stdv": 576.5989990234375,
  "tsnr": 95.18054164480418
}