{
  "aor": 0.03662888888888889,
  "aqi": 0.000532474111111111,
  "bids_meta": {
    "AcquisitionMatrixPE": 64,
    "AcquisitionNumber": 1,
    "AcquisitionTime": "16:21:31.000000",
    "BodyPartExamined": "BRAIN",
    "CoilString": "32Ch Head",
    "ConversionSoftware": "dcm2niix",
    "ConversionSoftwareVersion": "v1.0.20211006",
    "Dcm2bidsVersion": "2.1.6",
    "DeviceSerialNumber": "000301496MR3T6MR",
    "EchoTime": 0.0169,
    "EffectiveEchoSpacing": 0.000416,
    "FlipAngle": 90,
    "ImageOrientationPatientDICOM": [
      1,
      0,
      0,
      0,
      1,
      0
    ],
    "ImageType": [
      "ORIGINAL",
      "PRIMARY",
      "OTHER"
    ],
    "ImagingFrequency": 127.697,
    "InPlanePhaseEncodingDirectionDICOM": "COL",
    "InstitutionName": "NIH FMRIF",
    "InternalPulseSequenceName": "EPI",
    "MRAcquisitionType": "2D",
    "MagneticFieldStrength": 3,
    "Manufacturer": "GE",
    "ManufacturersModelName": "DISCOVERY MR750",
    "Modality": "MR",
    "PatientPosition": "HFS",
    "PercentPhaseFOV": 100,
    "PercentSampling": 100,
    "PhaseEncodingDirection": "j-",
    "PhaseEncodingPolarityGE": "Unflipped",
    "PixelBandwidth": 7812.5,
    "ProcedureStepDescription": "MRI Brain",
    "ProtocolName": "ADNI3 FMRIF Enhanced Pro",
    "PulseSequenceName": "epi",
    "ReconMatrixPE": 64,
    "RepetitionTime": 3,
    "SAR": 0.148231,
    "ScanOptions": "MP_GEMS\\EPI_GEMS\\PFF",
    "ScanningSequence": "EP\\GR",
    "SequenceVariant": "SS",
    "SeriesDescription": "Axial rsfMRI reverse blip - RKV",
    "SeriesNumber": 11,
    "SliceThickness": 3.4,
    "SliceTiming": [
      0,
      1.5,
      0.0625,
      1.5625,
      0.125,
      1.625,
      0.1875,
      1.6875,
      0.25,
      1.75,
      0.3125,
      1.8125,
      0.375,
      1.875,
      0.4375,
      1.9375,
      0.5,
      2,
      0.5625,
      2.0625,
      0.625,
      2.125,
      0.6875,
      2.1875,
      0.75,
      2.25,
      0.8125,
      2.3125,
      0.875,
      2.375,
      0.9375,
      2.4375,
      1,
      2.5,
      1.0625,
      2.5625,
      1.125,
      2.625,
      1.1875,
      2.6875,
      1.25,
      2.75,
      1.3125,
      2.8125,
      1.375,
      2.875,
      1.4375,
      2.9375
    ],
    "SoftwareVersions": "27\\LX\\MR Software release:DV26.0_R01_1725.a",
    "SpacingBetweenSlices": 3.4,
    "StationName": "fmrif3tb",
    "TaskName": "Resting state with reverse blip.",
    "TotalReadoutTime": 0.026208,
    "TriggerDelayTime": 29938,
    "dataset": "ds004215",
    "modality": "bold",
    "session_id": "01",
    "subject_id": "ON95003",
    "task_id": "rest"
  },
  "dummy_trs": 1,
  "dvars_nstd": 9.14684313625,
  "dvars_std": 1.3199395675,
  "dvars_vstd": 1.3213811500000001,
  "efc": 0.443960902589439,
  "fber": 6227.69921875,
  "fd_mean": 0.04463052356542669,
  "fd_num": 0,
  "fd_perc": 0.0,
  "fwhm_avg": 2.5138258384997076,
  "fwhm_x": 2.4893294545454543,
  "fwhm_y": 2.4563316363636365,
  "fwhm_z": 2.5958164245900317,
  "gcor": 0.0247622,
  "gsr_x": -0.011871040798723698,
  "gsr_y": 0.03912802040576935,
  "provenance": {
    "md5sum": "baee4e21de9b85052805ff34b9bbde0f",
    "settings": {
      "fd_thres": 0.2,
      "testing": false
    },
    "software": "mriqc",
    "version": "22.0.6",
    "webapi_port": null,
    "webapi_url": "https://mriqc.nimh.nih.gov/api/v1"
  },
  "size_t": 9,
  "size_x": 64,
  "size_y": 64,
  "size_z": 48,
  "snr": 5.175212381853777,
  "spacing_tr": 3.0,
  "spacing_x": 3.4375,
  "spacing_y": 3.4375,
  "spacing_z": 3.399993896484375,
  "summary_bg_k": 28.64003214327943,
  "summary_bg_mad": 7.41301109252801,
  "summary_bg_mean": 118.34639739990234,
  "summary_bg_median": 31.55555534362793,
  "summary_bg_n": 137096.0,
  "summary_bg_p05": 24.0,
  "summary_bg_p95": 628.3333129882812,
  "summary_bg_stdv": 238.59585571289062,
  "summary_fg_k": 0.4320968331835582,
  "summary_fg_mad": 421.5531101406154,
  "summary_fg_mean": 2550.8427734375,
  "summary_fg_median": 2492.888916015625,
  "summary_fg_n": 24460.0,
  "summary_fg_p05": 1819.5333190917968,
  "summary_fg_p95": 3453.1444213867185,
  "summary_fg_stdv": 481.68804931640625,
  "tsnr": 227.09909356944263
}