{
  "aor": 0.000939246231155779,
  "aqi": 0.0015296375879396986,
  "bids_meta": {
    "AcquisitionMatrixPE": 64,
    "AcquisitionNumber": 1,
    "AcquisitionTime": "15:11:38.000000",
    "BodyPartExamined": "HEAD",
    "CoilString": "32Ch Head",
    "ConversionSoftware": "dcm2niix",
    "ConversionSoftwareVersion": "v1.0.20211006",
    "Dcm2bidsVersion": "2.1.6",
    "DeviceSerialNumber": "000301496MR3T6MR",
    "EchoTime": 0.0169,
    "EffectiveEchoSpacing": 0.000208635,
    "FlipAngle": 90,
    "ImageOrientationPatientDICOM": [
      1,
      0,
      0,
      0,
      1,
      0
    ],
    "ImageType": [
      "ORIGINAL",
      "PRIMARY",
      "EPI",
      "NONE"
    ],
    "ImagingFrequency": 127.697,
    "InPlanePhaseEncodingDirectionDICOM": "COL",
    "InstitutionName": "NIH FMRIF",
    "InternalPulseSequenceName": "EPI",
    "MRAcquisitionType": "2D",
    "MagneticFieldStrength": 3,
    "Manufacturer": "GE",
    "ManufacturersModelName": "DISCOVERY MR750",
    "Modality": "MR",
    "ParallelReductionFactorInPlane": 2,
    "PatientPosition": "HFS",
    "PercentPhaseFOV": 100,
    "PercentSampling": 100,
    "PhaseEncodingDirection": "j-",
    "PhaseEncodingPolarityGE": "Unflipped",
    "PixelBandwidth": 7812.5,
    "ProcedureStepDescription": "MRI Brain",
    "ProtocolName": "ADNI3 FMRIF Enhanced Pro",
    "PulseSequenceName": "epiRT",
    "ReconMatrixPE": 64,
    "RepetitionTime": 3,
    "SAR": 0.159555,
    "ScanOptions": "EPI_GEMS\\ACC_GEMS",
    "ScanningSequence": "EP\\GR",
    "SequenceVariant": "SS",
    "SeriesDescription": "Axial rsfMRI with Eyes Open - RKV",
    "SeriesNumber": 12,
    "SliceThickness": 3.4,
    "SliceTiming": [
      0,
      1.5,
      0.0625,
      1.5625,
      0.125,
      1.625,
      0.1875,
      1.6875,
      0.25,
      1.75,
      0.3125,
      1.8125,
      0.375,
      1.875,
      0.4375,
      1.9375,
      0.5,
      2,
      0.5625,
      2.0625,
      0.625,
      2.125,
      0.6875,
      2.1875,
      0.75,
      2.25,
      0.8125,
      2.3125,
      0.875,
      2.375,
      0.9375,
      2.4375,
      1,
      2.5,
      1.0625,
      2.5625,
      1.125,
      2.625,
      1.1875,
      2.6875,
      1.25,
      2.75,
      1.3125,
      2.8125,
      1.375,
      2.875,
      1.4375,
      2.9375
    ],
    "SoftwareVersions": "27\\LX\\MR Software release:DV26.0_R01_1725.a",
    "SpacingBetweenSlices": 3.4,
    "StationName": "fmrif3tb",
    "TaskName": "Resting state with eyes open.",
    "TotalReadoutTime": 0.013144,
    "dataset": "ds004215",
    "modality": "bold",
    "session_id": "01",
    "subject_id": "ON69092",
    "task_id": "rest"
  },
  "dummy_trs": 1,
  "dvars_nstd": 11.858060533282828,
  "dvars_std": 1.1857873954040405,
  "dvars_vstd": 0.9771024643434342,
  "efc": 0.4690705329073931,
  "fber": 35261.24609375,
  "fd_mean": 0.048298050822694887,
  "fd_num": 0,
  "fd_perc": 0.0,
  "fwhm_avg": 2.767245894396121,
  "fwhm_x": 2.585550545454545,
  "fwhm_y": 2.7392145454545456,
  "fwhm_z": 2.9769725922792722,
  "gcor": 0.0749797,
  "gsr_x": -0.010362159460783005,
  "gsr_y": 0.08330696076154709,
  "provenance": {
    "md5sum": "2c5a9194c0c480b234caf052760adf32",
    "settings": {
      "fd_thres": 0.2,
      "testing": false
    },
    "software": "mriqc",
    "version": "22.0.6",
    "webapi_port": null,
    "webapi_url": "https://mriqc.nimh.nih.gov/api/v1"
  },
  "size_t": 199,
  "size_x": 64,
  "size_y": 64,
  "size_z": 48,
  "snr": 4.316829287834741,
  "spacing_tr": 3.0,
  "spacing_x": 3.4375,
  "spacing_y": 3.4375,
  "spacing_z": 3.3999977111816406,
  "summary_bg_k": 15.202513841517423,
  "summary_bg_mad": 16.95679778296057,
  "summary_bg_mean": 109.34412384033203,
  "summary_bg_median": 11.969849586486816,
  "summary_bg_n": 129898.0,
  "summary_bg_p05": 0.28140702843666077,
  "summary_bg_p95": 606.5384185791015,
  "summary_bg_stdv": 228.0397186279297,
  "summary_fg_k": 2.934122812098054,
  "summary_fg_mad": 393.6495301299983,
  "summary_fg_mean": 2103.126953125,
  "summary_fg_median": 2042.8392333984375,
  "summary_fg_n": 28909.0,
  "summary_fg_p05": 1448.290478515625,
  "summary_fg_p95": 2945.954833984375,
  "summary_fg_stdv": 473.2185974121094,
  "tsnr": 123.43523524515331
}