{
  "aor": 0.007257386934673366,
  "aqi": 0.003194143180904523,
  "bids_meta": {
    "AcquisitionMatrixPE": 64,
    "AcquisitionNumber": 1,
    "AcquisitionTime": "14:54:20.000000",
    "BodyPartExamined": "BRAIN",
    "CoilString": "32Ch Head",
    "ConversionSoftware": "dcm2niix",
    "ConversionSoftwareVersion": "v1.0.20211006",
    "Dcm2bidsVersion": "2.1.6",
    "DeviceSerialNumber": "000301496MR3T6MR",
    "EchoTime": 0.0169,
    "EffectiveEchoSpacing": 0.000416,
    "FlipAngle": 90,
    "ImageOrientationPatientDICOM": [
      1,
      0,
      0,
      0,
      1,
      0
    ],
    "ImageType": [
      "ORIGINAL",
      "PRIMARY",
      "OTHER"
    ],
    "ImagingFrequency": 127.696,
    "InPlanePhaseEncodingDirectionDICOM": "COL",
    "InstitutionName": "NIH FMRIF",
    "InternalPulseSequenceName": "EPI",
    "MRAcquisitionType": "2D",
    "MagneticFieldStrength": 3,
    "Manufacturer": "GE",
    "ManufacturersModelName": "DISCOVERY MR750",
    "Modality": "MR",
    "PatientPosition": "HFS",
    "PercentPhaseFOV": 100,
    "PercentSampling": 100,
    "PhaseEncodingDirection": "j",
    "PhaseEncodingPolarityGE": "Flipped",
    "PixelBandwidth": 7812.5,
    "ProcedureStepDescription": "MRI Brain",
    "ProtocolName": "ADNI3 FMRIF Enhanced Pro",
    "PulseSequenceName": "epi",
    "ReconMatrixPE": 64,
    "RepetitionTime": 3,
    "SAR": 0.207202,
    "ScanOptions": "MP_GEMS\\EPI_GEMS\\PFF",
    "ScanningSequence": "EP\\GR",
    "SequenceVariant": "SS",
    "SeriesDescription": "Axial rsfMRI with Eyes Open - RKV",
    "SeriesNumber": 10,
    "SliceThickness": 3.4,
    "SliceTiming": [
      0,
      1.5,
      0.0625,
      1.5625,
      0.125,
      1.625,
      0.1875,
      1.6875,
      0.25,
      1.75,
      0.3125,
      1.8125,
      0.375,
      1.875,
      0.4375,
      1.9375,
      0.5,
      2,
      0.5625,
      2.0625,
      0.625,
      2.125,
      0.6875,
      2.1875,
      0.75,
      2.25,
      0.8125,
      2.3125,
      0.875,
      2.375,
      0.9375,
      2.4375,
      1,
      2.5,
      1.0625,
      2.5625,
      1.125,
      2.625,
      1.1875,
      2.6875,
      1.25,
      2.75,
      1.3125,
      2.8125,
      1.375,
      2.875,
      1.4375,
      2.9375
    ],
    "SoftwareVersions": "27\\LX\\MR Software release:DV26.0_R03_1831.b",
    "SpacingBetweenSlices": 3.4,
    "StationName": "FMRI3tb",
    "TaskName": "Resting state with eyes open.",
    "TotalReadoutTime": 0.026208,
    "TriggerDelayTime": 599938,
    "dataset": "ds004215",
    "modality": "bold",
    "session_id": "01",
    "subject_id": "ON35773",
    "task_id": "rest"
  },
  "dummy_trs": 1,
  "dvars_nstd": 14.64147980999999,
  "dvars_std": 1.2070004678787887,
  "dvars_vstd": 0.9878632991414146,
  "efc": 0.5300908605077608,
  "fber": 2829.985595703125,
  "fd_mean": 0.14465408788223844,
  "fd_num": 36,
  "fd_perc": 18.09045226130653,
  "fwhm_avg": 2.7837223448291226,
  "fwhm_x": 2.6842298181818185,
  "fwhm_y": 2.6427898181818184,
  "fwhm_z": 3.0241473981237297,
  "gcor": 0.0241194,
  "gsr_x": 0.009699069894850254,
  "gsr_y": 0.08575140684843063,
  "provenance": {
    "md5sum": "ad3b7709ef3fb0bfb4b1517f2d399efd",
    "settings": {
      "fd_thres": 0.2,
      "testing": false
    },
    "software": "mriqc",
    "version": "22.0.6",
    "webapi_port": null,
    "webapi_url": "https://mriqc.nimh.nih.gov/api/v1"
  },
  "size_t": 199,
  "size_x": 64,
  "size_y": 64,
  "size_z": 48,
  "snr": 3.837826649281756,
  "spacing_tr": 3.0,
  "spacing_x": 3.4375,
  "spacing_y": 3.4375,
  "spacing_z": 3.3999996185302734,
  "summary_bg_k": 12.611571743280127,
  "summary_bg_mad": 28.735660417543052,
  "summary_bg_mean": 246.51931762695312,
  "summary_bg_median": 48.35175704956055,
  "summary_bg_n": 125654.0,
  "summary_bg_p05": 22.194221019744877,
  "summary_bg_p95": 1265.9421691894518,
  "summary_bg_stdv": 451.7925109863281,
  "summary_fg_k": 1.5365701892508214,
  "summary_fg_mad": 555.3201351820755,
  "summary_fg_mean": 2553.82177734375,
  "summary_fg_median": 2470.040283203125,
  "summary_fg_n": 32818.0,
  "summary_fg_p05": 1621.1419799804687,
  "summary_fg_p95": 3711.752416992187,
  "summary_fg_stdv": 643.5941162109375,
  "tsnr": 89.31514960713685
}