{
  "bids_meta": {
    "AcquisitionMatrixPE": 256,
    "AcquisitionNumber": 1,
    "AcquisitionTime": "08:37:1.000000",
    "BodyPartExamined": "BRAIN",
    "CoilString": "32Ch Head",
    "ConversionSoftware": "dcm2niix",
    "ConversionSoftwareVersion": "v1.0.20211006",
    "Dcm2bidsVersion": "2.1.6",
    "DeviceSerialNumber": "000301496mr3T5mr",
    "EchoTime": 0.00292,
    "FlipAngle": 8,
    "ImageOrientationPatientDICOM": [
      0,
      1,
      0,
      0,
      0,
      -1
    ],
    "ImageType": [
      "ORIGINAL",
      "PRIMARY",
      "OTHER"
    ],
    "ImagingFrequency": 127.824,
    "InPlanePhaseEncodingDirectionDICOM": "ROW",
    "InstitutionName": "NIH FMRIF",
    "InversionTime": 1.06,
    "MRAcquisitionType": "3D",
    "MagneticFieldStrength": 3,
    "Manufacturer": "GE",
    "ManufacturersModelName": "DISCOVERY MR750",
    "Modality": "MR",
    "ParallelReductionFactorInPlane": 2,
    "ParallelReductionOutOfPlane": 2,
    "PatientPosition": "HFS",
    "PercentPhaseFOV": 100,
    "PercentSampling": 100,
    "PixelBandwidth": 244.141,
    "ProcedureStepDescription": "MRI Brain",
    "ProtocolName": "ADNI3 FMRIF Enhanced Pro",
    "ReconMatrixPE": 256,
    "RepetitionTime": 0.006952,
    "SAR": 0.108463,
    "ScanOptions": "EDR_GEMS\\PROMO_GEMS\\ACC_GEMS\\IR_GEMS",
    "ScanningSequence": "RM",
    "SequenceVariant": "NONE",
    "SeriesDescription": "ORIG Anat T1w MP-RAGE 1mm (ABCD)",
    "SeriesNumber": 40003,
    "SliceThickness": 1,
    "SoftwareVersions": "27\\LX\\MR Software release:DV26.0_R03_1831.b",
    "SpacingBetweenSlices": 1,
    "StationName": "FMRI3ta",
    "acq_id": "MPRAGE",
    "dataset": "ds004215",
    "modality": "T1w",
    "session_id": "01",
    "subject_id": "ON47254"
  },
  "cjv": 0.38350960313700116,
  "cnr": 3.517922593349033,
  "efc": 0.4627758915703903,
  "fber": 3163.5890328651276,
  "fwhm_avg": 3.9238399999999998,
  "fwhm_x": 3.87052,
  "fwhm_y": 4.0648,
  "fwhm_z": 3.8362,
  "icvs_csf": 0.21084818989544166,
  "icvs_gm": 0.4259656248205241,
  "icvs_wm": 0.3631861852840343,
  "inu_med": 0.8678101897239685,
  "inu_range": 0.5432677775621414,
  "provenance": {
    "md5sum": "7066a84ffb251faf30e1824b02a3708e",
    "settings": {
      "testing": false
    },
    "software": "mriqc",
    "version": "22.0.6",
    "warnings": {
      "large_rot_frame": true,
      "small_air_mask": false
    },
    "webapi_port": null,
    "webapi_url": "https://mriqc.nimh.nih.gov/api/v1"
  },
  "qi_1": 0.0,
  "qi_2": 0.0016089346141138665,
  "rpve_csf": 28.0511599979295,
  "rpve_gm": 14.379476530345332,
  "rpve_wm": 19.571658826774737,
  "size_x": 208,
  "size_y": 256,
  "size_z": 256,
  "snr_csf": 1.1602366480491113,
  "snr_gm": 8.042380163361678,
  "snr_total": 9.026752140409853,
  "snr_wm": 17.87763960981877,
  "snrd_csf": 6.063247392737481,
  "snrd_gm": 36.30473801438244,
  "snrd_total": 32.7088527163207,
  "snrd_wm": 55.75857274184217,
  "spacing_x": 1.0,
  "spacing_y": 1.0,
  "spacing_z": 1.0,
  "summary_bg_k": 1.5511950750176808,
  "summary_bg_mad": 11.749982530253636,
  "summary_bg_mean": 13.372371350257497,
  "summary_bg_median": 11.592146158218384,
  "summary_bg_n": 4075261.0,
  "summary_bg_p05": 0.0,
  "summary_bg_p95": 36.86617910861969,
  "summary_bg_stdv": 12.36771630621182,
  "summary_csf_k": 4.015314509184825,
  "summary_csf_mad": 63.71881073620131,
  "summary_csf_mean": 132.89593551667863,
  "summary_csf_median": 108.74537110328674,
  "summary_csf_n": 38759.0,
  "summary_csf_p05": 32.17411994934082,
  "summary_csf_p95": 334.7606779336928,
  "summary_csf_stdv": 93.72567952997238,
  "summary_gm_k": 0.07766352907238394,
  "summary_gm_mad": 79.50236935893008,
  "summary_gm_mean": 651.2014073910459,
  "summary_gm_median": 651.1316382884979,
  "summary_gm_n": 25829.0,
  "summary_gm_p05": 517.7194418907166,
  "summary_gm_p95": 786.5310597419739,
  "summary_gm_stdv": 80.96098670771632,
  "summary_wm_k": 0.31111015212862503,
  "summary_wm_mad": 54.307133187092674,
  "summary_wm_mean": 1000.6176033580194,
  "summary_wm_median": 1000.0394660234451,
  "summary_wm_n": 213350.0,
  "summary_wm_p05": 910.18061876297,
  "summary_wm_p95": 1093.0920678377151,
  "summary_wm_stdv": 55.93787234708868,
  "tpm_overlap_csf": 0.14426934615099543,
  "tpm_overlap_gm": 0.4577680860481687,
  "tpm_overlap_wm": 0.5099585110541841,
  "wm2max": 0.5694782748910437
}