{
  "bids_meta": {
    "AcquisitionMatrixPE": 256,
    "AcquisitionNumber": 1,
    "AcquisitionTime": "08:43:38.000000",
    "BodyPartExamined": "BRAIN",
    "CoilString": "32Ch Head",
    "ConversionSoftware": "dcm2niix",
    "ConversionSoftwareVersion": "v1.0.20211006",
    "Dcm2bidsVersion": "2.1.6",
    "DeviceSerialNumber": "000301496mr3T5mr",
    "EchoTime": 0.066091,
    "EchoTrainLength": 140,
    "FlipAngle": 90,
    "ImageOrientationPatientDICOM": [
      0,
      1,
      0,
      0,
      0,
      -1
    ],
    "ImageType": [
      "ORIGINAL",
      "PRIMARY",
      "OTHER"
    ],
    "ImagingFrequency": 127.824,
    "InPlanePhaseEncodingDirectionDICOM": "ROW",
    "InstitutionName": "NIH FMRIF",
    "MRAcquisitionType": "3D",
    "MagneticFieldStrength": 3,
    "Manufacturer": "GE",
    "ManufacturersModelName": "DISCOVERY MR750",
    "Modality": "MR",
    "ParallelReductionFactorInPlane": 2,
    "ParallelReductionOutOfPlane": 1.5,
    "PatientPosition": "HFS",
    "PercentPhaseFOV": 100,
    "PercentSampling": 100,
    "PhaseEncodingAxis": "i",
    "PixelBandwidth": 244.141,
    "ProcedureStepDescription": "MRI Brain",
    "ProtocolName": "ADNI3 FMRIF Enhanced Pro",
    "ReconMatrixPE": 256,
    "RepetitionTime": 3.202,
    "SAR": 0.4471,
    "ScanOptions": "SAT_GEMS\\EDR_GEMS\\PROMO_GEMS\\FILTERED_GEMS\\ACC_GEMS\\FS\\FR_GEMS",
    "ScanningSequence": "RM",
    "SequenceVariant": "NONE",
    "SeriesDescription": "Anat T2w CUBE (ABCD)",
    "SeriesNumber": 4,
    "SliceThickness": 1,
    "SoftwareVersions": "27\\LX\\MR Software release:DV26.0_R03_1831.b",
    "SpacingBetweenSlices": 1,
    "StationName": "FMRI3ta",
    "acq_id": "CUBE",
    "dataset": "ds004215",
    "modality": "T2w",
    "rec_id": "SCIC",
    "session_id": "01",
    "subject_id": "ON47254"
  },
  "cjv": 0.3483298215979945,
  "cnr": 1.449867190982333,
  "efc": 0.4730911107171059,
  "fber": 3127.628862577789,
  "fwhm_avg": 2.342143333333333,
  "fwhm_x": 1.88826,
  "fwhm_y": 2.68557,
  "fwhm_z": 2.4526,
  "icvs_csf": 0.29611447442135447,
  "icvs_gm": 0.2181922813037876,
  "icvs_wm": 0.48569324427485794,
  "inu_med": 0.7280276119709015,
  "inu_range": 0.14691078960895532,
  "provenance": {
    "md5sum": "99fd8eb8273079d8a55448ac123441cc",
    "settings": {
      "testing": false
    },
    "software": "mriqc",
    "version": "22.0.6",
    "warnings": {
      "large_rot_frame": true,
      "small_air_mask": false
    },
    "webapi_port": null,
    "webapi_url": "https://mriqc.nimh.nih.gov/api/v1"
  },
  "qi_1": 0.0,
  "qi_2": 0.010860871854560238,
  "rpve_csf": 18.11811746773256,
  "rpve_gm": 31.813446705363937,
  "rpve_wm": 13.352874319675704,
  "size_x": 204,
  "size_y": 256,
  "size_z": 256,
  "snr_csf": 12.296611882202946,
  "snr_gm": 2.4013779415566585,
  "snr_total": 8.934823023818957,
  "snr_wm": 12.106479247697266,
  "snrd_csf": 66.98188071974656,
  "snrd_gm": 120.42305172197234,
  "snrd_total": 78.29763288775017,
  "snrd_wm": 47.48796622153158,
  "spacing_x": 1.0,
  "spacing_y": 1.0,
  "spacing_z": 1.0,
  "summary_bg_k": 239.11468139329236,
  "summary_bg_mad": 13.796485031495909,
  "summary_bg_mean": 12.430224273266603,
  "summary_bg_median": 9.726443469524384,
  "summary_bg_n": 3227441.0,
  "summary_bg_p05": 0.0,
  "summary_bg_p95": 31.891511760652065,
  "summary_bg_stdv": 13.909471311737425,
  "summary_csf_k": 0.24887242370927787,
  "summary_csf_mad": 112.17443608522804,
  "summary_csf_mean": 1413.1211640222616,
  "summary_csf_median": 1410.5681118182838,
  "summary_csf_n": 18341.0,
  "summary_csf_p05": 1230.8627163693309,
  "summary_csf_p95": 1604.9566959664226,
  "summary_csf_stdv": 114.70880522600933,
  "summary_gm_k": -0.9871434114686317,
  "summary_gm_mad": 452.51084321896377,
  "summary_gm_mean": 1957.1286549884846,
  "summary_gm_median": 2535.9830876886845,
  "summary_gm_n": 77049.0,
  "summary_gm_p05": 88.21136038899422,
  "summary_gm_p95": 2879.635169696063,
  "summary_gm_stdv": 1056.046441836365,
  "summary_wm_k": 0.11265635703821308,
  "summary_wm_mad": 82.50159390693533,
  "summary_wm_mean": 999.6643482455524,
  "summary_wm_median": 1000.0467309579253,
  "summary_wm_n": 190359.0,
  "summary_wm_p05": 863.5491901524365,
  "summary_wm_p95": 1133.5047581791878,
  "summary_wm_stdv": 82.6040406756507,
  "tpm_overlap_csf": 0.09759955558863043,
  "tpm_overlap_gm": 0.12573699642482886,
  "tpm_overlap_wm": 0.4425636490252555,
  "wm2max": 0.34484649122807015
}