{
  "bids_meta": {
    "AcquisitionMatrixPE": 256,
    "AcquisitionNumber": 1,
    "AcquisitionTime": "08:43:38.000000",
    "BodyPartExamined": "BRAIN",
    "CoilString": "32Ch Head",
    "ConversionSoftware": "dcm2niix",
    "ConversionSoftwareVersion": "v1.0.20211006",
    "Dcm2bidsVersion": "2.1.6",
    "DeviceSerialNumber": "000301496mr3T5mr",
    "EchoTime": 0.066091,
    "EchoTrainLength": 140,
    "FlipAngle": 90,
    "ImageOrientationPatientDICOM": [
      0,
      1,
      0,
      0,
      0,
      -1
    ],
    "ImageType": [
      "ORIGINAL",
      "PRIMARY",
      "OTHER"
    ],
    "ImagingFrequency": 127.824,
    "InPlanePhaseEncodingDirectionDICOM": "ROW",
    "InstitutionName": "NIH FMRIF",
    "MRAcquisitionType": "3D",
    "MagneticFieldStrength": 3,
    "Manufacturer": "GE",
    "ManufacturersModelName": "DISCOVERY MR750",
    "Modality": "MR",
    "ParallelReductionFactorInPlane": 2,
    "ParallelReductionOutOfPlane": 1.5,
    "PatientPosition": "HFS",
    "PercentPhaseFOV": 100,
    "PercentSampling": 100,
    "PhaseEncodingAxis": "i",
    "PixelBandwidth": 244.141,
    "ProcedureStepDescription": "MRI Brain",
    "ProtocolName": "ADNI3 FMRIF Enhanced Pro",
    "ReconMatrixPE": 256,
    "RepetitionTime": 3.202,
    "SAR": 0.4471,
    "ScanOptions": "SAT_GEMS\\EDR_GEMS\\PROMO_GEMS\\ACC_GEMS\\FS\\FR_GEMS",
    "ScanningSequence": "RM",
    "SequenceVariant": "NONE",
    "SeriesDescription": "ORIG Anat T2w CUBE (ABCD)",
    "SeriesNumber": 40004,
    "SliceThickness": 1,
    "SoftwareVersions": "27\\LX\\MR Software release:DV26.0_R03_1831.b",
    "SpacingBetweenSlices": 1,
    "StationName": "FMRI3ta",
    "acq_id": "CUBE",
    "dataset": "ds004215",
    "modality": "T2w",
    "session_id": "01",
    "subject_id": "ON47254"
  },
  "cjv": 0.5629153247024298,
  "cnr": 1.2365607429649932,
  "efc": 0.42002806905888873,
  "fber": 8289.617625433284,
  "fwhm_avg": 2.5119133333333337,
  "fwhm_x": 2.05256,
  "fwhm_y": 2.80514,
  "fwhm_z": 2.67804,
  "icvs_csf": 0.2932198151246782,
  "icvs_gm": 0.21161938544743783,
  "icvs_wm": 0.495160799427884,
  "inu_med": 0.9104369580745697,
  "inu_range": 0.5333737671375274,
  "provenance": {
    "md5sum": "55d846222fbb6dc2e1835515bb7c2231",
    "settings": {
      "testing": false
    },
    "software": "mriqc",
    "version": "22.0.6",
    "warnings": {
      "large_rot_frame": true,
      "small_air_mask": false
    },
    "webapi_port": null,
    "webapi_url": "https://mriqc.nimh.nih.gov/api/v1"
  },
  "qi_1": 0.0,
  "qi_2": 0.019463119654126018,
  "rpve_csf": 18.322208994360683,
  "rpve_gm": 32.55163111806595,
  "rpve_wm": 13.244225833189846,
  "size_x": 204,
  "size_y": 256,
  "size_z": 256,
  "snr_csf": 11.816132169674498,
  "snr_gm": 2.1442099693430223,
  "snr_total": 8.44779376114258,
  "snr_wm": 11.38303914441022,
  "snrd_csf": 63.06973561756915,
  "snrd_gm": 104.67619600051742,
  "snrd_total": 70.61972453216022,
  "snrd_wm": 44.11324197839408,
  "spacing_x": 1.0,
  "spacing_y": 1.0,
  "spacing_z": 1.0,
  "summary_bg_k": 14.497591933148357,
  "summary_bg_mad": 14.85124071246126,
  "summary_bg_mean": 14.282903491585888,
  "summary_bg_median": 10.017009638249874,
  "summary_bg_n": 3901180.0,
  "summary_bg_p05": 0.0,
  "summary_bg_p95": 44.8560431599617,
  "summary_bg_stdv": 16.832368688752634,
  "summary_csf_k": 0.27851459714188787,
  "summary_csf_mad": 118.71652167005196,
  "summary_csf_mean": 1432.7225667648236,
  "summary_csf_median": 1429.7233756631613,
  "summary_csf_n": 19993.0,
  "summary_csf_p05": 1241.8949949368834,
  "summary_csf_p95": 1635.8595740050077,
  "summary_csf_stdv": 120.99455211633617,
  "summary_gm_k": -0.9501856947662017,
  "summary_gm_mad": 685.0251533659804,
  "summary_gm_mean": 1939.8955402295262,
  "summary_gm_median": 2372.8972831740975,
  "summary_gm_n": 70818.0,
  "summary_gm_p05": 81.96307886391878,
  "summary_gm_p95": 3396.289167869835,
  "summary_gm_stdv": 1106.645600734793,
  "summary_wm_k": 0.057313925137490784,
  "summary_wm_mad": 87.79978785983387,
  "summary_wm_mean": 1001.1108377767474,
  "summary_wm_median": 999.9999621883035,
  "summary_wm_n": 205546.0,
  "summary_wm_p05": 858.8168263435364,
  "summary_wm_p95": 1146.7901034280658,
  "summary_wm_stdv": 87.84978395958385,
  "tpm_overlap_csf": 0.09877102692972238,
  "tpm_overlap_gm": 0.12586643950186358,
  "tpm_overlap_wm": 0.45311518036719567,
  "wm2max": 0.29139741518578355
}