{
  "bids_meta": {
    "AcquisitionMatrixPE": 256,
    "AcquisitionNumber": 1,
    "AcquisitionTime": "14:18:56.000000",
    "BodyPartExamined": "BRAIN",
    "CoilString": "32Ch Head",
    "ConversionSoftware": "dcm2niix",
    "ConversionSoftwareVersion": "v1.0.20211006",
    "Dcm2bidsVersion": "2.1.6",
    "DeviceSerialNumber": "000301496MR3T6MR",
    "EchoTime": 0.00292,
    "FlipAngle": 8,
    "ImageOrientationPatientDICOM": [
      0,
      1,
      0,
      0,
      0,
      -1
    ],
    "ImageType": [
      "ORIGINAL",
      "PRIMARY",
      "OTHER"
    ],
    "ImagingFrequency": 127.697,
    "InPlanePhaseEncodingDirectionDICOM": "ROW",
    "InstitutionName": "NIH FMRIF",
    "InversionTime": 1.06,
    "MRAcquisitionType": "3D",
    "MagneticFieldStrength": 3,
    "Manufacturer": "GE",
    "ManufacturersModelName": "DISCOVERY MR750",
    "Modality": "MR",
    "ParallelReductionFactorInPlane": 2,
    "ParallelReductionOutOfPlane": 2,
    "PatientPosition": "HFS",
    "PercentPhaseFOV": 100,
    "PercentSampling": 100,
    "PixelBandwidth": 244.141,
    "ProcedureStepDescription": "MRI Brain",
    "ProtocolName": "ADNI3 FMRIF Enhanced Pro",
    "ReconMatrixPE": 256,
    "RepetitionTime": 0.006952,
    "SAR": 0.131262,
    "ScanOptions": "EDR_GEMS\\PROMO_GEMS\\ACC_GEMS\\IR_GEMS",
    "ScanningSequence": "RM",
    "SequenceVariant": "NONE",
    "SeriesDescription": "ORIG Anat T1w MP-RAGE 1mm (ABCD)",
    "SeriesNumber": 40005,
    "SliceThickness": 1,
    "SoftwareVersions": "27\\LX\\MR Software release:DV26.0_R01_1725.a",
    "SpacingBetweenSlices": 1,
    "StationName": "fmrif3tb",
    "acq_id": "MPRAGE",
    "dataset": "ds004215",
    "modality": "T1w",
    "session_id": "01",
    "subject_id": "ON41090"
  },
  "cjv": 0.4064828477122343,
  "cnr": 3.3544229748519765,
  "efc": 0.40230251540094836,
  "fber": 6500.659377777778,
  "fwhm_avg": 3.6969399999999997,
  "fwhm_x": 3.60215,
  "fwhm_y": 3.84681,
  "fwhm_z": 3.64186,
  "icvs_csf": 0.22540686747605443,
  "icvs_gm": 0.4109859761368545,
  "icvs_wm": 0.3636071563870911,
  "inu_med": 0.8010551333427429,
  "inu_range": 0.35766592025756827,
  "provenance": {
    "md5sum": "7f5f6d39693f826e2ec59bf3805b60a1",
    "settings": {
      "testing": false
    },
    "software": "mriqc",
    "version": "22.0.6",
    "warnings": {
      "large_rot_frame": true,
      "small_air_mask": false
    },
    "webapi_port": null,
    "webapi_url": "https://mriqc.nimh.nih.gov/api/v1"
  },
  "qi_1": 0.0,
  "qi_2": 0.001495325245244395,
  "rpve_csf": 33.36167329815122,
  "rpve_gm": 18.341606943748413,
  "rpve_wm": 24.312540088077313,
  "size_x": 208,
  "size_y": 256,
  "size_z": 256,
  "snr_csf": 1.0046634936213878,
  "snr_gm": 7.416300898567942,
  "snr_total": 9.18862868998263,
  "snr_wm": 19.14492167775856,
  "snrd_csf": 6.364311811411252,
  "snrd_gm": 34.06096503530967,
  "snrd_total": 30.84048596182144,
  "snrd_wm": 52.09618103874338,
  "spacing_x": 1.0,
  "spacing_y": 1.0,
  "spacing_z": 1.0,
  "summary_bg_k": 3.767507653687466,
  "summary_bg_mad": 12.575999486330758,
  "summary_bg_mean": 12.3611213976438,
  "summary_bg_median": 8.482382752001286,
  "summary_bg_n": 5072986.0,
  "summary_bg_p05": 0.0,
  "summary_bg_p95": 36.00214941799641,
  "summary_bg_stdv": 12.296393279962809,
  "summary_csf_k": 1.0072078029388978,
  "summary_csf_mad": 94.80368843541649,
  "summary_csf_mean": 161.86678658351147,
  "summary_csf_median": 122.16934072226286,
  "summary_csf_n": 31574.0,
  "summary_csf_p05": 31.47309437394142,
  "summary_csf_p95": 408.856605919823,
  "summary_csf_stdv": 121.60032372191829,
  "summary_gm_k": -0.16238084265779174,
  "summary_gm_mad": 89.90986058100724,
  "summary_gm_mean": 652.8932822688931,
  "summary_gm_median": 653.8343447074294,
  "summary_gm_n": 29527.0,
  "summary_gm_p05": 507.8414068169892,
  "summary_gm_p95": 798.2804951548574,
  "summary_gm_stdv": 88.16029470101536,
  "summary_wm_k": 0.26898877905598795,
  "summary_wm_mad": 50.81614272078447,
  "summary_wm_mean": 1000.4440553159048,
  "summary_wm_median": 1000.038382820785,
  "summary_wm_n": 180693.0,
  "summary_wm_p05": 915.621402618289,
  "summary_wm_p95": 1086.7813014611602,
  "summary_wm_stdv": 52.23503299823784,
  "tpm_overlap_csf": 0.1467645992206552,
  "tpm_overlap_gm": 0.4637757108104127,
  "tpm_overlap_wm": 0.5163896397059379,
  "wm2max": 0.4648092190961598
}