{
  "bids_meta": {
    "AcquisitionMatrixPE": 256,
    "AcquisitionNumber": 1,
    "AcquisitionTime": "14:25:28.000000",
    "BodyPartExamined": "BRAIN",
    "CoilString": "32Ch Head",
    "ConversionSoftware": "dcm2niix",
    "ConversionSoftwareVersion": "v1.0.20211006",
    "Dcm2bidsVersion": "2.1.6",
    "DeviceSerialNumber": "000301496MR3T6MR",
    "EchoTime": 0.058984,
    "EchoTrainLength": 140,
    "FlipAngle": 90,
    "ImageOrientationPatientDICOM": [
      0,
      1,
      0,
      0,
      0,
      -1
    ],
    "ImageType": [
      "ORIGINAL",
      "PRIMARY",
      "OTHER"
    ],
    "ImagingFrequency": 127.697,
    "InPlanePhaseEncodingDirectionDICOM": "ROW",
    "InstitutionName": "NIH FMRIF",
    "MRAcquisitionType": "3D",
    "MagneticFieldStrength": 3,
    "Manufacturer": "GE",
    "ManufacturersModelName": "DISCOVERY MR750",
    "Modality": "MR",
    "ParallelReductionFactorInPlane": 2,
    "ParallelReductionOutOfPlane": 1.5,
    "PatientPosition": "HFS",
    "PercentPhaseFOV": 100,
    "PercentSampling": 100,
    "PhaseEncodingAxis": "i",
    "PixelBandwidth": 244.141,
    "ProcedureStepDescription": "MRI Brain",
    "ProtocolName": "ADNI3 FMRIF Enhanced Pro",
    "ReconMatrixPE": 256,
    "RepetitionTime": 3.202,
    "SAR": 0.383,
    "ScanOptions": "SAT_GEMS\\EDR_GEMS\\PROMO_GEMS\\FILTERED_GEMS\\ACC_GEMS\\FS\\FR_GEMS",
    "ScanningSequence": "RM",
    "SequenceVariant": "NONE",
    "SeriesDescription": "Anat T2w CUBE (ABCD)",
    "SeriesNumber": 6,
    "SliceThickness": 1,
    "SoftwareVersions": "27\\LX\\MR Software release:DV26.0_R01_1725.a",
    "SpacingBetweenSlices": 1,
    "StationName": "fmrif3tb",
    "acq_id": "CUBE",
    "dataset": "ds004215",
    "modality": "T2w",
    "rec_id": "SCIC",
    "session_id": "01",
    "subject_id": "ON41090"
  },
  "cjv": 8.0684361755314,
  "cnr": 0.19422816555331784,
  "efc": 0.43305316182789555,
  "fber": 2105.9920596019997,
  "fwhm_avg": 2.2708033333333333,
  "fwhm_x": 1.87196,
  "fwhm_y": 2.58546,
  "fwhm_z": 2.35499,
  "icvs_csf": 0.31197755638668934,
  "icvs_gm": 0.47693763895309166,
  "icvs_wm": 0.21108480466021903,
  "inu_med": 0.85442915558815,
  "inu_range": 0.13242726624012002,
  "provenance": {
    "md5sum": "b4ebbc911632dce5e2a929710131c557",
    "settings": {
      "testing": false
    },
    "software": "mriqc",
    "version": "22.0.6",
    "warnings": {
      "large_rot_frame": true,
      "small_air_mask": false
    },
    "webapi_port": null,
    "webapi_url": "https://mriqc.nimh.nih.gov/api/v1"
  },
  "qi_1": 0.0,
  "qi_2": 0.0059626617117554525,
  "rpve_csf": 22.75297916387719,
  "rpve_gm": 17.178454643366777,
  "rpve_wm": 40.750200052532875,
  "size_x": 204,
  "size_y": 256,
  "size_z": 256,
  "snr_csf": 13.6498206314882,
  "snr_gm": 15.90944789087217,
  "snr_total": 10.22651445759671,
  "snr_wm": 1.1202748504297604,
  "snrd_csf": 63.922315943881514,
  "snrd_gm": 47.75388586537432,
  "snrd_total": 56.48904651526135,
  "snrd_wm": 57.790937736528214,
  "spacing_x": 1.0,
  "spacing_y": 1.0,
  "spacing_z": 1.0,
  "summary_bg_k": 34.20263485226624,
  "summary_bg_mad": 11.365953318706133,
  "summary_bg_mean": 10.855863624855617,
  "summary_bg_median": 7.666219014674425,
  "summary_bg_n": 3439892.0,
  "summary_bg_p05": 0.0,
  "summary_bg_p95": 30.77086065337062,
  "summary_bg_stdv": 10.309667164766685,
  "summary_csf_k": 0.26905117362010156,
  "summary_csf_mad": 79.35216257069028,
  "summary_csf_mean": 1110.603457252763,
  "summary_csf_median": 1108.987470459193,
  "summary_csf_n": 23550.0,
  "summary_csf_p05": 981.6646440587938,
  "summary_csf_p95": 1248.3218842558563,
  "summary_csf_stdv": 81.24384596450123,
  "summary_gm_k": 0.20560653920365013,
  "summary_gm_mad": 51.48724475708815,
  "summary_gm_mean": 828.3257989807706,
  "summary_gm_median": 828.4815765582025,
  "summary_gm_n": 137031.0,
  "summary_gm_p05": 742.8813522607088,
  "summary_gm_p95": 912.7569934222847,
  "summary_gm_stdv": 52.074626301561146,
  "summary_wm_k": -1.825006635703186,
  "summary_wm_mad": 1353.4912428971668,
  "summary_wm_mean": 1104.5668772337365,
  "summary_wm_median": 1002.6142656058073,
  "summary_wm_n": 56351.0,
  "summary_wm_p05": 55.64191220328212,
  "summary_wm_p95": 2184.872419182211,
  "summary_wm_stdv": 894.9637395041505,
  "tpm_overlap_csf": 0.1001461423278282,
  "tpm_overlap_gm": 0.30586177464655645,
  "tpm_overlap_wm": 0.03568921673500411,
  "wm2max": 0.45795614077552405
}