{
  "bids_meta": {
    "AcquisitionMatrixPE": 256,
    "AcquisitionNumber": 1,
    "AcquisitionTime": "14:25:28.000000",
    "BodyPartExamined": "BRAIN",
    "CoilString": "32Ch Head",
    "ConversionSoftware": "dcm2niix",
    "ConversionSoftwareVersion": "v1.0.20211006",
    "Dcm2bidsVersion": "2.1.6",
    "DeviceSerialNumber": "000301496MR3T6MR",
    "EchoTime": 0.058984,
    "EchoTrainLength": 140,
    "FlipAngle": 90,
    "ImageOrientationPatientDICOM": [
      0,
      1,
      0,
      0,
      0,
      -1
    ],
    "ImageType": [
      "ORIGINAL",
      "PRIMARY",
      "OTHER"
    ],
    "ImagingFrequency": 127.697,
    "InPlanePhaseEncodingDirectionDICOM": "ROW",
    "InstitutionName": "NIH FMRIF",
    "MRAcquisitionType": "3D",
    "MagneticFieldStrength": 3,
    "Manufacturer": "GE",
    "ManufacturersModelName": "DISCOVERY MR750",
    "Modality": "MR",
    "ParallelReductionFactorInPlane": 2,
    "ParallelReductionOutOfPlane": 1.5,
    "PatientPosition": "HFS",
    "PercentPhaseFOV": 100,
    "PercentSampling": 100,
    "PhaseEncodingAxis": "i",
    "PixelBandwidth": 244.141,
    "ProcedureStepDescription": "MRI Brain",
    "ProtocolName": "ADNI3 FMRIF Enhanced Pro",
    "ReconMatrixPE": 256,
    "RepetitionTime": 3.202,
    "SAR": 0.383,
    "ScanOptions": "SAT_GEMS\\EDR_GEMS\\PROMO_GEMS\\ACC_GEMS\\FS\\FR_GEMS",
    "ScanningSequence": "RM",
    "SequenceVariant": "NONE",
    "SeriesDescription": "ORIG Anat T2w CUBE (ABCD)",
    "SeriesNumber": 40006,
    "SliceThickness": 1,
    "SoftwareVersions": "27\\LX\\MR Software release:DV26.0_R01_1725.a",
    "SpacingBetweenSlices": 1,
    "StationName": "fmrif3tb",
    "acq_id": "CUBE",
    "dataset": "ds004215",
    "modality": "T2w",
    "session_id": "01",
    "subject_id": "ON41090"
  },
  "cjv": 130.5277768142487,
  "cnr": 0.010634323601013585,
  "efc": 0.3865410140400719,
  "fber": 7428.055935943866,
  "fwhm_avg": 2.3093833333333333,
  "fwhm_x": 1.91397,
  "fwhm_y": 2.56234,
  "fwhm_z": 2.45184,
  "icvs_csf": 0.2923746808118521,
  "icvs_gm": 0.4974943875716763,
  "icvs_wm": 0.21013093161647162,
  "inu_med": 0.8730663657188416,
  "inu_range": 0.3945846557617184,
  "provenance": {
    "md5sum": "dbba944e4231cb5a1b7360dd28354ffd",
    "settings": {
      "testing": false
    },
    "software": "mriqc",
    "version": "22.0.6",
    "warnings": {
      "large_rot_frame": true,
      "small_air_mask": false
    },
    "webapi_port": null,
    "webapi_url": "https://mriqc.nimh.nih.gov/api/v1"
  },
  "qi_1": 0.00017125431142922732,
  "qi_2": 0.016582166153314204,
  "rpve_csf": 23.989662614812094,
  "rpve_gm": 16.731820608716617,
  "rpve_wm": 41.1991879708534,
  "size_x": 204,
  "size_y": 256,
  "size_z": 256,
  "snr_csf": 12.965112945185886,
  "snr_gm": 15.176800159115322,
  "snr_total": 9.709310725767628,
  "snr_wm": 0.9860190730016731,
  "snrd_csf": 70.21068109614384,
  "snrd_gm": 51.86505590599991,
  "snrd_total": 58.16916711363573,
  "snrd_wm": 52.43176433876343,
  "spacing_x": 1.0,
  "spacing_y": 1.0,
  "spacing_z": 1.0,
  "summary_bg_k": 5.43706107983655,
  "summary_bg_mad": 12.538910413012566,
  "summary_bg_mean": 13.168205034080785,
  "summary_bg_median": 8.457366552203894,
  "summary_bg_n": 4649781.0,
  "summary_bg_p05": 0.0,
  "summary_bg_p95": 42.81243181228638,
  "summary_bg_stdv": 15.411785294944472,
  "summary_csf_k": 0.46313321092190085,
  "summary_csf_mad": 99.3549257302267,
  "summary_csf_mean": 1347.4966693599233,
  "summary_csf_median": 1343.7895380277187,
  "summary_csf_n": 25124.0,
  "summary_csf_p05": 1185.6630634540693,
  "summary_csf_p95": 1524.5502190181983,
  "summary_csf_stdv": 103.64451125863857,
  "summary_gm_k": 0.11605561978561818,
  "summary_gm_mad": 65.17399762695797,
  "summary_gm_mean": 993.4498116083571,
  "summary_gm_median": 992.665480915457,
  "summary_gm_n": 156593.0,
  "summary_gm_p05": 887.5456706620753,
  "summary_gm_p95": 1101.2255758680403,
  "summary_gm_stdv": 65.40656139182934,
  "summary_wm_k": -1.734571217422433,
  "summary_wm_mad": 1350.5894182151671,
  "summary_wm_mean": 1223.986677644375,
  "summary_wm_median": 1003.5119340643287,
  "summary_wm_n": 54792.0,
  "summary_wm_p05": 59.201565865427256,
  "summary_wm_p95": 2618.460411727242,
  "summary_wm_stdv": 1017.7316078684014,
  "tpm_overlap_csf": 0.09917404998306968,
  "tpm_overlap_gm": 0.31468164065308346,
  "tpm_overlap_wm": 0.03545318189986453,
  "wm2max": 0.38429305959634774
}