{
  "bids_meta": {
    "AcquisitionMatrixPE": 256,
    "AcquisitionNumber": 1,
    "AcquisitionTime": "15:17:14.000000",
    "BodyPartExamined": "BRAIN",
    "CoilString": "32Ch Head",
    "ConversionSoftware": "dcm2niix",
    "ConversionSoftwareVersion": "v1.0.20211006",
    "Dcm2bidsVersion": "2.1.6",
    "DeviceSerialNumber": "000301496MR3T6MR",
    "EchoTime": 0.058743,
    "EchoTrainLength": 140,
    "FlipAngle": 90,
    "ImageOrientationPatientDICOM": [
      0,
      1,
      0,
      0,
      0,
      -1
    ],
    "ImageType": [
      "ORIGINAL",
      "PRIMARY",
      "OTHER"
    ],
    "ImagingFrequency": 127.697,
    "InPlanePhaseEncodingDirectionDICOM": "ROW",
    "InstitutionName": "NIH FMRIF",
    "MRAcquisitionType": "3D",
    "MagneticFieldStrength": 3,
    "Manufacturer": "GE",
    "ManufacturersModelName": "DISCOVERY MR750",
    "Modality": "MR",
    "ParallelReductionFactorInPlane": 2,
    "ParallelReductionOutOfPlane": 1.5,
    "PatientPosition": "HFS",
    "PercentPhaseFOV": 100,
    "PercentSampling": 100,
    "PhaseEncodingAxis": "i",
    "PixelBandwidth": 244.141,
    "ProcedureStepDescription": "MRI Brain",
    "ProtocolName": "ADNI3 FMRIF Enhanced Pro",
    "ReconMatrixPE": 256,
    "RepetitionTime": 3.202,
    "SAR": 0.4107,
    "ScanOptions": "SAT_GEMS\\EDR_GEMS\\PROMO_GEMS\\ACC_GEMS\\FS\\FR_GEMS",
    "ScanningSequence": "RM",
    "SequenceVariant": "NONE",
    "SeriesDescription": "ORIG Anat T2w CUBE (ABCD)",
    "SeriesNumber": 40004,
    "SliceThickness": 1,
    "SoftwareVersions": "27\\LX\\MR Software release:DV26.0_R03_1831.b",
    "SpacingBetweenSlices": 1,
    "StationName": "FMRI3tb",
    "acq_id": "CUBE",
    "dataset": "ds004215",
    "modality": "T2w",
    "session_id": "01",
    "subject_id": "ON95422"
  },
  "cjv": 1.1251542836238453,
  "cnr": 0.9750973431770914,
  "efc": 0.4657338629470781,
  "fber": 1511.3394391924369,
  "fwhm_avg": 2.384866666666667,
  "fwhm_x": 1.97063,
  "fwhm_y": 2.60854,
  "fwhm_z": 2.57543,
  "icvs_csf": 0.2027683245830858,
  "icvs_gm": 0.558177339890127,
  "icvs_wm": 0.23905433552678726,
  "inu_med": 0.8895339369773865,
  "inu_range": 0.5844252824783325,
  "provenance": {
    "md5sum": "fc0e7f34366fd63ab63bdefe976c942a",
    "settings": {
      "testing": false
    },
    "software": "mriqc",
    "version": "22.0.6",
    "warnings": {
      "large_rot_frame": true,
      "small_air_mask": false
    },
    "webapi_port": null,
    "webapi_url": "https://mriqc.nimh.nih.gov/api/v1"
  },
  "qi_1": 0.0,
  "qi_2": 0.01263597443247552,
  "rpve_csf": 22.922218876648703,
  "rpve_gm": 10.97110600683273,
  "rpve_wm": 24.776800127956196,
  "size_x": 204,
  "size_y": 256,
  "size_z": 256,
  "snr_csf": 12.554815391769433,
  "snr_gm": 12.332975193141865,
  "snr_total": 8.928260081413766,
  "snr_wm": 1.8969896593300022,
  "snrd_csf": 25.534185386362527,
  "snrd_gm": 19.171531166348945,
  "snrd_total": 28.095044956382385,
  "snrd_wm": 39.579418316435685,
  "spacing_x": 1.0,
  "spacing_y": 1.0,
  "spacing_z": 1.0,
  "summary_bg_k": -0.6886131515384206,
  "summary_bg_mad": 16.563949015579865,
  "summary_bg_mean": 14.389319774693872,
  "summary_bg_median": 11.172213833779097,
  "summary_bg_n": 3365257.0,
  "summary_bg_p05": 0.0,
  "summary_bg_p95": 38.205498084425926,
  "summary_bg_stdv": 13.71944129467492,
  "summary_csf_k": 0.7111147858416365,
  "summary_csf_mad": 47.4604342259879,
  "summary_csf_mean": 649.120095195134,
  "summary_csf_median": 645.5860869493335,
  "summary_csf_n": 8851.0,
  "summary_csf_p05": 572.0405031368136,
  "summary_csf_p95": 739.4934646273032,
  "summary_csf_stdv": 51.41848733777654,
  "summary_gm_k": -0.1030887168299719,
  "summary_gm_mad": 39.993783633472624,
  "summary_gm_mean": 485.29726286096184,
  "summary_gm_median": 484.7177851665765,
  "summary_gm_n": 294775.0,
  "summary_gm_p05": 421.8813182413578,
  "summary_gm_p95": 550.7959307171404,
  "summary_gm_stdv": 39.30251665897817,
  "summary_wm_k": -1.381598980947726,
  "summary_wm_mad": 540.5597558270973,
  "summary_wm_mean": 826.3655598953615,
  "summary_wm_median": 1000.6946142204106,
  "summary_wm_n": 88778.0,
  "summary_wm_p05": 39.65267604216933,
  "summary_wm_p95": 1512.5325143150985,
  "summary_wm_stdv": 527.5141977420875,
  "tpm_overlap_csf": 0.08713654439224194,
  "tpm_overlap_gm": 0.3539886293730791,
  "tpm_overlap_wm": 0.05868960989970194,
  "wm2max": 0.6509394886470611
}