{
  "bids_meta": {
    "AcquisitionMatrixPE": 256,
    "AcquisitionNumber": 1,
    "AcquisitionTime": "15:17:14.000000",
    "BodyPartExamined": "BRAIN",
    "CoilString": "32Ch Head",
    "ConversionSoftware": "dcm2niix",
    "ConversionSoftwareVersion": "v1.0.20211006",
    "Dcm2bidsVersion": "2.1.6",
    "DeviceSerialNumber": "000301496MR3T6MR",
    "EchoTime": 0.058743,
    "EchoTrainLength": 140,
    "FlipAngle": 90,
    "ImageOrientationPatientDICOM": [
      0,
      1,
      0,
      0,
      0,
      -1
    ],
    "ImageType": [
      "ORIGINAL",
      "PRIMARY",
      "OTHER"
    ],
    "ImagingFrequency": 127.697,
    "InPlanePhaseEncodingDirectionDICOM": "ROW",
    "InstitutionName": "NIH FMRIF",
    "MRAcquisitionType": "3D",
    "MagneticFieldStrength": 3,
    "Manufacturer": "GE",
    "ManufacturersModelName": "DISCOVERY MR750",
    "Modality": "MR",
    "ParallelReductionFactorInPlane": 2,
    "ParallelReductionOutOfPlane": 1.5,
    "PatientPosition": "HFS",
    "PercentPhaseFOV": 100,
    "PercentSampling": 100,
    "PhaseEncodingAxis": "i",
    "PixelBandwidth": 244.141,
    "ProcedureStepDescription": "MRI Brain",
    "ProtocolName": "ADNI3 FMRIF Enhanced Pro",
    "ReconMatrixPE": 256,
    "RepetitionTime": 3.202,
    "SAR": 0.4107,
    "ScanOptions": "SAT_GEMS\\EDR_GEMS\\PROMO_GEMS\\FILTERED_GEMS\\ACC_GEMS\\FS\\FR_GEMS",
    "ScanningSequence": "RM",
    "SequenceVariant": "NONE",
    "SeriesDescription": "Anat T2w CUBE (ABCD)",
    "SeriesNumber": 4,
    "SliceThickness": 1,
    "SoftwareVersions": "27\\LX\\MR Software release:DV26.0_R03_1831.b",
    "SpacingBetweenSlices": 1,
    "StationName": "FMRI3tb",
    "acq_id": "CUBE",
    "dataset": "ds004215",
    "modality": "T2w",
    "rec_id": "SCIC",
    "session_id": "01",
    "subject_id": "ON95422"
  },
  "cjv": 0.6995297800358972,
  "cnr": 1.1597628528068944,
  "efc": 0.49263852393232554,
  "fber": 1410.3556795030966,
  "fwhm_avg": 2.204416666666667,
  "fwhm_x": 1.79144,
  "fwhm_y": 2.48969,
  "fwhm_z": 2.33212,
  "icvs_csf": 0.20955938262243065,
  "icvs_gm": 0.5440032732338821,
  "icvs_wm": 0.2464373441436873,
  "inu_med": 0.7598351836204529,
  "inu_range": 0.11904729604721065,
  "provenance": {
    "md5sum": "2dbffed37d1141733c89fa368f879e70",
    "settings": {
      "testing": false
    },
    "software": "mriqc",
    "version": "22.0.6",
    "warnings": {
      "large_rot_frame": true,
      "small_air_mask": false
    },
    "webapi_port": null,
    "webapi_url": "https://mriqc.nimh.nih.gov/api/v1"
  },
  "qi_1": 0.0,
  "qi_2": 0.007370419199373597,
  "rpve_csf": 22.39653326975463,
  "rpve_gm": 11.114375238887279,
  "rpve_wm": 24.13997912544304,
  "size_x": 204,
  "size_y": 256,
  "size_z": 256,
  "snr_csf": 13.82991560432814,
  "snr_gm": 12.496970977737654,
  "snr_total": 9.47738208835954,
  "snr_wm": 2.1052596830128265,
  "snrd_csf": 58.702348127236434,
  "snrd_gm": 44.90659998545623,
  "snrd_total": 67.98886742034723,
  "snrd_wm": 100.35765414834903,
  "spacing_x": 1.0,
  "spacing_y": 1.0,
  "spacing_z": 1.0,
  "summary_bg_k": 0.9508158998073841,
  "summary_bg_mad": 6.53183269279226,
  "summary_bg_mean": 7.59897907972618,
  "summary_bg_median": 4.405654201284051,
  "summary_bg_n": 2970260.0,
  "summary_bg_p05": 0.0,
  "summary_bg_p95": 23.34370330348611,
  "summary_bg_stdv": 8.414759923853241,
  "summary_csf_k": 0.8604772944625525,
  "summary_csf_mad": 39.748214111588915,
  "summary_csf_mean": 587.3002255143368,
  "summary_csf_median": 585.2734127445146,
  "summary_csf_n": 8796.0,
  "summary_csf_p05": 521.0155890267342,
  "summary_csf_p95": 657.8936274936423,
  "summary_csf_stdv": 42.316971357521666,
  "summary_gm_k": -0.07967287557018254,
  "summary_gm_mad": 36.31203672343754,
  "summary_gm_mean": 447.94641876624735,
  "summary_gm_median": 447.7272181902081,
  "summary_gm_n": 265514.0,
  "summary_gm_p05": 389.61851846426725,
  "summary_gm_p95": 507.2557496018708,
  "summary_gm_stdv": 35.82679161646659,
  "summary_wm_k": -1.438201938382076,
  "summary_wm_mad": 350.42818048534775,
  "summary_wm_mean": 773.4169013986489,
  "summary_wm_median": 1000.5846207570285,
  "summary_wm_n": 94761.0,
  "summary_wm_p05": 37.2705817501992,
  "summary_wm_p95": 1256.3004833310843,
  "summary_wm_stdv": 475.27597155813885,
  "tpm_overlap_csf": 0.08249543616555274,
  "tpm_overlap_gm": 0.3449031612804661,
  "tpm_overlap_wm": 0.06089623979393528,
  "wm2max": 0.7953032943324205
}