{
  "bids_meta": {
    "AcquisitionMatrixPE": 256,
    "AcquisitionNumber": 1,
    "AcquisitionTime": "15:10:17.000000",
    "BodyPartExamined": "BRAIN",
    "CoilString": "32Ch Head",
    "ConversionSoftware": "dcm2niix",
    "ConversionSoftwareVersion": "v1.0.20211006",
    "Dcm2bidsVersion": "2.1.6",
    "DeviceSerialNumber": "000301496MR3T6MR",
    "EchoTime": 0.00292,
    "FlipAngle": 8,
    "ImageOrientationPatientDICOM": [
      0,
      1,
      0,
      0,
      0,
      -1
    ],
    "ImageType": [
      "ORIGINAL",
      "PRIMARY",
      "OTHER"
    ],
    "ImagingFrequency": 127.697,
    "InPlanePhaseEncodingDirectionDICOM": "ROW",
    "InstitutionName": "NIH FMRIF",
    "InversionTime": 1.06,
    "MRAcquisitionType": "3D",
    "MagneticFieldStrength": 3,
    "Manufacturer": "GE",
    "ManufacturersModelName": "DISCOVERY MR750",
    "Modality": "MR",
    "ParallelReductionFactorInPlane": 2,
    "ParallelReductionOutOfPlane": 2,
    "PatientPosition": "HFS",
    "PercentPhaseFOV": 100,
    "PercentSampling": 100,
    "PixelBandwidth": 244.141,
    "ProcedureStepDescription": "MRI Brain",
    "ProtocolName": "ADNI3 FMRIF Enhanced Pro",
    "ReconMatrixPE": 256,
    "RepetitionTime": 0.006952,
    "SAR": 0.134434,
    "ScanOptions": "EDR_GEMS\\PROMO_GEMS\\ACC_GEMS\\IR_GEMS",
    "ScanningSequence": "RM",
    "SequenceVariant": "NONE",
    "SeriesDescription": "ORIG Anat T1w MP-RAGE 1mm (ABCD)",
    "SeriesNumber": 40003,
    "SliceThickness": 1,
    "SoftwareVersions": "27\\LX\\MR Software release:DV26.0_R03_1831.b",
    "SpacingBetweenSlices": 1,
    "StationName": "FMRI3tb",
    "acq_id": "MPRAGE",
    "dataset": "ds004215",
    "modality": "T1w",
    "session_id": "01",
    "subject_id": "ON95422"
  },
  "cjv": 0.42415654020239,
  "cnr": 3.1814238245712207,
  "efc": 0.48406651292548863,
  "fber": 2296.8532356037013,
  "fwhm_avg": 3.6498166666666667,
  "fwhm_x": 3.57508,
  "fwhm_y": 3.8054,
  "fwhm_z": 3.56897,
  "icvs_csf": 0.2248203298028558,
  "icvs_gm": 0.41474091753595016,
  "icvs_wm": 0.360438752661194,
  "inu_med": 0.9701372385025024,
  "inu_range": 0.7110703825950621,
  "provenance": {
    "md5sum": "8b32d60e3a7245211e64d1c74daa489f",
    "settings": {
      "testing": false
    },
    "software": "mriqc",
    "version": "22.0.6",
    "warnings": {
      "large_rot_frame": true,
      "small_air_mask": false
    },
    "webapi_port": null,
    "webapi_url": "https://mriqc.nimh.nih.gov/api/v1"
  },
  "qi_1": 0.0,
  "qi_2": 0.0010102731185929255,
  "rpve_csf": 23.765296574388938,
  "rpve_gm": 13.003838294555502,
  "rpve_wm": 17.352235355034516,
  "size_x": 208,
  "size_y": 256,
  "size_z": 256,
  "snr_csf": 1.2136436751104394,
  "snr_gm": 7.874051326854222,
  "snr_total": 8.159454684214387,
  "snr_wm": 15.390669050678502,
  "snrd_csf": 5.142635871489079,
  "snrd_gm": 27.26576752004698,
  "snrd_total": 24.589144184134568,
  "snrd_wm": 41.35902916086765,
  "spacing_x": 1.0,
  "spacing_y": 1.0,
  "spacing_z": 1.0,
  "summary_bg_k": 2.440638051501515,
  "summary_bg_mad": 15.840992967090456,
  "summary_bg_mean": 16.492275280120896,
  "summary_bg_median": 15.035776823759079,
  "summary_bg_n": 3519494.0,
  "summary_bg_p05": 0.0,
  "summary_bg_p95": 45.73583561182022,
  "summary_bg_stdv": 15.522802420768743,
  "summary_csf_k": 3.4680136411036404,
  "summary_csf_mad": 71.24862900130277,
  "summary_csf_mean": 150.3045975410226,
  "summary_csf_median": 124.34732472896576,
  "summary_csf_n": 46471.0,
  "summary_csf_p05": 39.16070491075516,
  "summary_csf_p95": 371.0839389413595,
  "summary_csf_stdv": 102.45675017261911,
  "summary_gm_k": 0.07550229516510232,
  "summary_gm_mad": 83.11145405131847,
  "summary_gm_mean": 659.9709449055374,
  "summary_gm_median": 659.277719154954,
  "summary_gm_n": 25930.0,
  "summary_gm_p05": 523.3949077695609,
  "summary_gm_p95": 798.9533173307776,
  "summary_gm_stdv": 83.7262774932588,
  "summary_wm_k": 0.7813381605562699,
  "summary_wm_mad": 61.42864693573086,
  "summary_wm_mean": 1003.6843079144635,
  "summary_wm_median": 1000.0483717024326,
  "summary_wm_n": 231679.0,
  "summary_wm_p05": 904.6606299877167,
  "summary_wm_p95": 1115.2581986188889,
  "summary_wm_stdv": 64.97743601296762,
  "tpm_overlap_csf": 0.16448618560690867,
  "tpm_overlap_gm": 0.44348929551413846,
  "tpm_overlap_wm": 0.49376015341784374,
  "wm2max": 0.4438912024272306
}