{
  "bids_meta": {
    "AcquisitionMatrixPE": 256,
    "AcquisitionNumber": 1,
    "AcquisitionTime": "15:10:17.000000",
    "BodyPartExamined": "BRAIN",
    "CoilString": "32Ch Head",
    "ConversionSoftware": "dcm2niix",
    "ConversionSoftwareVersion": "v1.0.20211006",
    "Dcm2bidsVersion": "2.1.6",
    "DeviceSerialNumber": "000301496MR3T6MR",
    "EchoTime": 0.00292,
    "FlipAngle": 8,
    "ImageOrientationPatientDICOM": [
      0,
      1,
      0,
      0,
      0,
      -1
    ],
    "ImageType": [
      "ORIGINAL",
      "PRIMARY",
      "OTHER"
    ],
    "ImagingFrequency": 127.697,
    "InPlanePhaseEncodingDirectionDICOM": "ROW",
    "InstitutionName": "NIH FMRIF",
    "InversionTime": 1.06,
    "MRAcquisitionType": "3D",
    "MagneticFieldStrength": 3,
    "Manufacturer": "GE",
    "ManufacturersModelName": "DISCOVERY MR750",
    "Modality": "MR",
    "ParallelReductionFactorInPlane": 2,
    "ParallelReductionOutOfPlane": 2,
    "PatientPosition": "HFS",
    "PercentPhaseFOV": 100,
    "PercentSampling": 100,
    "PixelBandwidth": 244.141,
    "ProcedureStepDescription": "MRI Brain",
    "ProtocolName": "ADNI3 FMRIF Enhanced Pro",
    "ReconMatrixPE": 256,
    "RepetitionTime": 0.006952,
    "SAR": 0.134434,
    "ScanOptions": "EDR_GEMS\\PROMO_GEMS\\FILTERED_GEMS\\ACC_GEMS\\IR_GEMS",
    "ScanningSequence": "RM",
    "SequenceVariant": "NONE",
    "SeriesDescription": "Anat T1w MP-RAGE 1mm (ABCD)",
    "SeriesNumber": 3,
    "SliceThickness": 1,
    "SoftwareVersions": "27\\LX\\MR Software release:DV26.0_R03_1831.b",
    "SpacingBetweenSlices": 1,
    "StationName": "FMRI3tb",
    "acq_id": "MPRAGE",
    "dataset": "ds004215",
    "modality": "T1w",
    "rec_id": "SCIC",
    "session_id": "01",
    "subject_id": "ON95422"
  },
  "cjv": 0.37417183509438895,
  "cnr": 3.5786794834085467,
  "efc": 0.6829248406262403,
  "fber": 6534.027777777777,
  "fwhm_avg": 3.349133333333333,
  "fwhm_x": 3.25087,
  "fwhm_y": 3.55283,
  "fwhm_z": 3.2437,
  "icvs_csf": 0.23664062396386878,
  "icvs_gm": 0.4162212194035505,
  "icvs_wm": 0.3471381566325807,
  "inu_med": 0.5557494461536407,
  "inu_range": 0.07041718661785112,
  "provenance": {
    "md5sum": "1c86e1064ad843382a6405c4ae7333a2",
    "settings": {
      "testing": false
    },
    "software": "mriqc",
    "version": "22.0.6",
    "warnings": {
      "large_rot_frame": true,
      "small_air_mask": false
    },
    "webapi_port": null,
    "webapi_url": "https://mriqc.nimh.nih.gov/api/v1"
  },
  "qi_1": 0.0,
  "qi_2": 0.002787559493833139,
  "rpve_csf": 22.518479018622937,
  "rpve_gm": 12.92974399400121,
  "rpve_wm": 18.013219632084606,
  "size_x": 208,
  "size_y": 256,
  "size_z": 256,
  "snr_csf": 1.7829319207871845,
  "snr_gm": 8.63351270139304,
  "snr_total": 9.601695744887072,
  "snr_wm": 18.388642612480993,
  "snrd_csf": 10.106860109172336,
  "snrd_gm": 38.29944126789162,
  "snrd_total": 35.43838046372161,
  "snrd_wm": 57.90884001410087,
  "spacing_x": 1.0,
  "spacing_y": 1.0,
  "spacing_z": 1.0,
  "summary_bg_k": 6.346638848179802,
  "summary_bg_mad": 0.0,
  "summary_bg_mean": 6.851175158654347,
  "summary_bg_median": 0.0,
  "summary_bg_n": 949028.0,
  "summary_bg_p05": 0.0,
  "summary_bg_p95": 32.69426990300417,
  "summary_bg_stdv": 11.31353255077165,
  "summary_csf_k": 2.1324643413534288,
  "summary_csf_mad": 73.60079142238969,
  "summary_csf_mean": 198.46073435678758,
  "summary_csf_median": 174.53509045019746,
  "summary_csf_n": 54757.0,
  "summary_csf_p05": 85.37127757072449,
  "summary_csf_p95": 403.37405543848865,
  "summary_csf_stdv": 97.89128495823871,
  "summary_gm_k": 0.18080023221885622,
  "summary_gm_mad": 74.00796123795084,
  "summary_gm_mean": 662.5297919719483,
  "summary_gm_median": 661.3920024298131,
  "summary_gm_n": 28008.0,
  "summary_gm_p05": 538.3660803264007,
  "summary_gm_p95": 791.0967099890113,
  "summary_gm_stdv": 76.60615302271087,
  "summary_wm_k": 0.3804882327544781,
  "summary_wm_mad": 52.69940755691653,
  "summary_wm_mean": 1000.4528748802277,
  "summary_wm_median": 1000.0261723771691,
  "summary_wm_n": 229157.0,
  "summary_wm_p05": 912.2224411256611,
  "summary_wm_p95": 1089.9223369024694,
  "summary_wm_stdv": 54.38269759665208,
  "tpm_overlap_csf": 0.16484686519122493,
  "tpm_overlap_gm": 0.44907031627565885,
  "tpm_overlap_wm": 0.4986746576244069,
  "wm2max": 0.6343575789753119
}