{
  "bids_meta": {
    "AcquisitionMatrixPE": 256,
    "AcquisitionNumber": 1,
    "AcquisitionTime": "14:19:32.000000",
    "BodyPartExamined": "BRAIN",
    "CoilString": "32Ch Head",
    "ConversionSoftware": "dcm2niix",
    "ConversionSoftwareVersion": "v1.0.20211006",
    "Dcm2bidsVersion": "2.1.6",
    "DeviceSerialNumber": "000301496MR3T6MR",
    "EchoTime": 0.00292,
    "FlipAngle": 8,
    "ImageOrientationPatientDICOM": [
      0,
      1,
      0,
      0,
      0,
      -1
    ],
    "ImageType": [
      "ORIGINAL",
      "PRIMARY",
      "OTHER"
    ],
    "ImagingFrequency": 127.696,
    "InPlanePhaseEncodingDirectionDICOM": "ROW",
    "InstitutionName": "NIH FMRIF",
    "InversionTime": 1.06,
    "MRAcquisitionType": "3D",
    "MagneticFieldStrength": 3,
    "Manufacturer": "GE",
    "ManufacturersModelName": "DISCOVERY MR750",
    "Modality": "MR",
    "ParallelReductionFactorInPlane": 2,
    "ParallelReductionOutOfPlane": 2,
    "PatientPosition": "HFS",
    "PercentPhaseFOV": 100,
    "PercentSampling": 100,
    "PixelBandwidth": 244.141,
    "ProcedureStepDescription": "MRI Brain",
    "ProtocolName": "ADNI3 FMRIF Enhanced Pro",
    "ReconMatrixPE": 256,
    "RepetitionTime": 0.006952,
    "SAR": 0.0968131,
    "ScanOptions": "EDR_GEMS\\PROMO_GEMS\\FILTERED_GEMS\\ACC_GEMS\\IR_GEMS",
    "ScanningSequence": "RM",
    "SequenceVariant": "NONE",
    "SeriesDescription": "Anat T1w MP-RAGE 1mm (ABCD)",
    "SeriesNumber": 3,
    "SliceThickness": 1,
    "SoftwareVersions": "27\\LX\\MR Software release:DV26.0_R03_1831.b",
    "SpacingBetweenSlices": 1,
    "StationName": "FMRI3tb",
    "acq_id": "MPRAGE",
    "dataset": "ds004215",
    "modality": "T1w",
    "rec_id": "SCIC",
    "session_id": "01",
    "subject_id": "ON95742"
  },
  "cjv": 0.37356276819687445,
  "cnr": 3.617674730684859,
  "efc": 0.6715322073425808,
  "fber": 16122.618721749452,
  "fwhm_avg": 3.3909300000000004,
  "fwhm_x": 3.33703,
  "fwhm_y": 3.52107,
  "fwhm_z": 3.31469,
  "icvs_csf": 0.2259591897115904,
  "icvs_gm": 0.41665354680628663,
  "icvs_wm": 0.35738726348212296,
  "inu_med": 0.45854735374450684,
  "inu_range": 0.06780522167682645,
  "provenance": {
    "md5sum": "36b99fa5dd5e4ab3e3dfb85cdc19d0d2",
    "settings": {
      "testing": false
    },
    "software": "mriqc",
    "version": "22.0.6",
    "warnings": {
      "large_rot_frame": true,
      "small_air_mask": false
    },
    "webapi_port": null,
    "webapi_url": "https://mriqc.nimh.nih.gov/api/v1"
  },
  "qi_1": 0.0,
  "qi_2": 0.0021478451413286244,
  "rpve_csf": 26.512815342388517,
  "rpve_gm": 14.63926985811131,
  "rpve_wm": 20.2548588011321,
  "size_x": 208,
  "size_y": 256,
  "size_z": 256,
  "snr_csf": 1.587825040386389,
  "snr_gm": 8.429908352319089,
  "snr_total": 9.987779323219202,
  "snr_wm": 19.94560457695213,
  "snrd_csf": 12.355193898554978,
  "snrd_gm": 45.22093702160199,
  "snrd_total": 41.982929844666415,
  "snrd_wm": 68.37265861384228,
  "spacing_x": 1.0,
  "spacing_y": 1.0,
  "spacing_z": 1.0,
  "summary_bg_k": 6.170068841919832,
  "summary_bg_mad": 0.0,
  "summary_bg_mean": 5.856707255231068,
  "summary_bg_median": 0.0,
  "summary_bg_n": 875662.0,
  "summary_bg_p05": 0.0,
  "summary_bg_p95": 27.59592042118311,
  "summary_bg_stdv": 9.581847612255803,
  "summary_csf_k": 0.6761465168829637,
  "summary_csf_mad": 98.1853206390011,
  "summary_csf_mean": 210.10437411163903,
  "summary_csf_median": 180.70372086763382,
  "summary_csf_n": 29277.0,
  "summary_csf_p05": 72.74576753750443,
  "summary_csf_p95": 435.2017499163746,
  "summary_csf_stdv": 113.80387016287757,
  "summary_gm_k": -0.04027909323503076,
  "summary_gm_mad": 78.7338766526216,
  "summary_gm_mean": 660.0679848220514,
  "summary_gm_median": 661.3891815878451,
  "summary_gm_n": 24605.0,
  "summary_gm_p05": 528.65749932006,
  "summary_gm_p95": 787.1462427586316,
  "summary_gm_stdv": 78.45586377359939,
  "summary_wm_k": 0.5955076425613752,
  "summary_wm_mad": 47.75851555303913,
  "summary_wm_mean": 999.7041074694177,
  "summary_wm_median": 999.9999934099615,
  "summary_wm_n": 206026.0,
  "summary_wm_p05": 917.6034786552191,
  "summary_wm_p95": 1080.7011066265404,
  "summary_wm_stdv": 50.13623741866441,
  "tpm_overlap_csf": 0.14679937549446412,
  "tpm_overlap_gm": 0.46341055700256684,
  "tpm_overlap_wm": 0.5184588834996405,
  "wm2max": 0.6456224845494501
}