{
  "bids_meta": {
    "AcquisitionMatrixPE": 256,
    "AcquisitionNumber": 1,
    "AcquisitionTime": "15:18:15.000000",
    "BodyPartExamined": "BRAIN",
    "CoilString": "32Ch Head",
    "ConversionSoftware": "dcm2niix",
    "ConversionSoftwareVersion": "v1.0.20211006",
    "Dcm2bidsVersion": "2.1.6",
    "DeviceSerialNumber": "000301496MR3T6MR",
    "EchoTime": 0.00292,
    "FlipAngle": 8,
    "ImageOrientationPatientDICOM": [
      0,
      1,
      0,
      0,
      0,
      -1
    ],
    "ImageType": [
      "ORIGINAL",
      "PRIMARY",
      "OTHER"
    ],
    "ImagingFrequency": 127.696,
    "InPlanePhaseEncodingDirectionDICOM": "ROW",
    "InstitutionName": "NIH FMRIF",
    "InversionTime": 1.06,
    "MRAcquisitionType": "3D",
    "MagneticFieldStrength": 3,
    "Manufacturer": "GE",
    "ManufacturersModelName": "DISCOVERY MR750",
    "Modality": "MR",
    "ParallelReductionFactorInPlane": 2,
    "ParallelReductionOutOfPlane": 2,
    "PatientPosition": "HFS",
    "PercentPhaseFOV": 100,
    "PercentSampling": 100,
    "PixelBandwidth": 244.141,
    "ProcedureStepDescription": "MRI Brain",
    "ProtocolName": "ADNI3 FMRIF Enhanced Pro",
    "ReconMatrixPE": 256,
    "RepetitionTime": 0.006952,
    "SAR": 0.12549,
    "ScanOptions": "EDR_GEMS\\PROMO_GEMS\\FILTERED_GEMS\\ACC_GEMS\\IR_GEMS",
    "ScanningSequence": "RM",
    "SequenceVariant": "NONE",
    "SeriesDescription": "Anat T1w MP-RAGE 1mm (ABCD)",
    "SeriesNumber": 3,
    "SliceThickness": 1,
    "SoftwareVersions": "27\\LX\\MR Software release:DV26.0_R03_1831.b",
    "SpacingBetweenSlices": 1,
    "StationName": "FMRI3tb",
    "acq_id": "MPRAGE",
    "dataset": "ds004215",
    "modality": "T1w",
    "rec_id": "SCIC",
    "session_id": "01",
    "subject_id": "ON91906"
  },
  "cjv": 0.3843804434470304,
  "cnr": 3.4331340161554387,
  "efc": 0.6835639063864668,
  "fber": 16824.085443786982,
  "fwhm_avg": 3.363749092245666,
  "fwhm_x": 3.239307276736999,
  "fwhm_y": 3.58918,
  "fwhm_z": 3.26276,
  "icvs_csf": 0.2540832516548631,
  "icvs_gm": 0.3948259232573939,
  "icvs_wm": 0.351090825087743,
  "inu_med": 0.4544764757156372,
  "inu_range": 0.07264708876609804,
  "provenance": {
    "md5sum": "9498fed834cd860268339c71098fe974",
    "settings": {
      "testing": false
    },
    "software": "mriqc",
    "version": "22.0.6",
    "warnings": {
      "large_rot_frame": true,
      "small_air_mask": false
    },
    "webapi_port": null,
    "webapi_url": "https://mriqc.nimh.nih.gov/api/v1"
  },
  "qi_1": 0.0,
  "qi_2": 0.0025869163401326606,
  "rpve_csf": 25.434179028536345,
  "rpve_gm": 15.858602900085296,
  "rpve_wm": 21.51885030662192,
  "size_x": 208,
  "size_y": 256,
  "size_z": 256,
  "snr_csf": 1.8059701270139616,
  "snr_gm": 7.876521808384854,
  "snr_total": 9.929124213022597,
  "snr_wm": 20.104880703668975,
  "snrd_csf": 10.51380938150717,
  "snrd_gm": 44.09973174429186,
  "snrd_total": 40.384954953231144,
  "snrd_wm": 66.5413237338944,
  "spacing_x": 0.9997940063476562,
  "spacing_y": 1.0,
  "spacing_z": 1.0,
  "summary_bg_k": 5.7543152540600175,
  "summary_bg_mad": 0.0,
  "summary_bg_mean": 5.87410327625661,
  "summary_bg_median": 0.0,
  "summary_bg_n": 819829.0,
  "summary_bg_p05": 0.0,
  "summary_bg_p95": 28.86417968571186,
  "summary_bg_stdv": 9.845810082820833,
  "summary_csf_k": 3.1343103522804787,
  "summary_csf_mad": 62.059055022180246,
  "summary_csf_mean": 179.26365630601367,
  "summary_csf_median": 158.00827189162374,
  "summary_csf_n": 50940.0,
  "summary_csf_p05": 81.68768290057778,
  "summary_csf_p95": 368.2763737382366,
  "summary_csf_stdv": 87.49132590578436,
  "summary_gm_k": 0.1042278846387128,
  "summary_gm_mad": 81.89510880534337,
  "summary_gm_mean": 661.7126333119394,
  "summary_gm_median": 662.7590582016855,
  "summary_gm_n": 20528.0,
  "summary_gm_p05": 520.796856307052,
  "summary_gm_p95": 800.9540224095805,
  "summary_gm_stdv": 84.14157052078546,
  "summary_wm_k": 0.3673246273707389,
  "summary_wm_mad": 47.74359202319879,
  "summary_wm_mean": 999.6948453188021,
  "summary_wm_median": 1000.0256986841559,
  "summary_wm_n": 198444.0,
  "summary_wm_p05": 917.747378654778,
  "summary_wm_p95": 1080.5577872022986,
  "summary_wm_stdv": 49.74031896798212,
  "tpm_overlap_csf": 0.16476616423748014,
  "tpm_overlap_gm": 0.42989913354533726,
  "tpm_overlap_wm": 0.5014153246000993,
  "wm2max": 0.6730732668475725
}