{
  "bids_meta": {
    "AcquisitionMatrixPE": 256,
    "AcquisitionNumber": 1,
    "AcquisitionTime": "15:18:15.000000",
    "BodyPartExamined": "BRAIN",
    "CoilString": "32Ch Head",
    "ConversionSoftware": "dcm2niix",
    "ConversionSoftwareVersion": "v1.0.20211006",
    "Dcm2bidsVersion": "2.1.6",
    "DeviceSerialNumber": "000301496MR3T6MR",
    "EchoTime": 0.00292,
    "FlipAngle": 8,
    "ImageOrientationPatientDICOM": [
      0,
      1,
      0,
      0,
      0,
      -1
    ],
    "ImageType": [
      "ORIGINAL",
      "PRIMARY",
      "OTHER"
    ],
    "ImagingFrequency": 127.696,
    "InPlanePhaseEncodingDirectionDICOM": "ROW",
    "InstitutionName": "NIH FMRIF",
    "InversionTime": 1.06,
    "MRAcquisitionType": "3D",
    "MagneticFieldStrength": 3,
    "Manufacturer": "GE",
    "ManufacturersModelName": "DISCOVERY MR750",
    "Modality": "MR",
    "ParallelReductionFactorInPlane": 2,
    "ParallelReductionOutOfPlane": 2,
    "PatientPosition": "HFS",
    "PercentPhaseFOV": 100,
    "PercentSampling": 100,
    "PixelBandwidth": 244.141,
    "ProcedureStepDescription": "MRI Brain",
    "ProtocolName": "ADNI3 FMRIF Enhanced Pro",
    "ReconMatrixPE": 256,
    "RepetitionTime": 0.006952,
    "SAR": 0.12549,
    "ScanOptions": "EDR_GEMS\\PROMO_GEMS\\ACC_GEMS\\IR_GEMS",
    "ScanningSequence": "RM",
    "SequenceVariant": "NONE",
    "SeriesDescription": "ORIG Anat T1w MP-RAGE 1mm (ABCD)",
    "SeriesNumber": 40003,
    "SliceThickness": 1,
    "SoftwareVersions": "27\\LX\\MR Software release:DV26.0_R03_1831.b",
    "SpacingBetweenSlices": 1,
    "StationName": "FMRI3tb",
    "acq_id": "MPRAGE",
    "dataset": "ds004215",
    "modality": "T1w",
    "session_id": "01",
    "subject_id": "ON91906"
  },
  "cjv": 0.3989492905581752,
  "cnr": 3.3207896779246546,
  "efc": 0.44056016165550205,
  "fber": 6301.125600137175,
  "fwhm_avg": 3.619164170984522,
  "fwhm_x": 3.5074525129535656,
  "fwhm_y": 3.81025,
  "fwhm_z": 3.53979,
  "icvs_csf": 0.245089641351876,
  "icvs_gm": 0.39717750608209784,
  "icvs_wm": 0.35773285256602616,
  "inu_med": 0.8921372890472412,
  "inu_range": 0.5484366625547409,
  "provenance": {
    "md5sum": "667588e3830f38dae110854f74c4687f",
    "settings": {
      "testing": false
    },
    "software": "mriqc",
    "version": "22.0.6",
    "warnings": {
      "large_rot_frame": true,
      "small_air_mask": false
    },
    "webapi_port": null,
    "webapi_url": "https://mriqc.nimh.nih.gov/api/v1"
  },
  "qi_1": 0.0,
  "qi_2": 0.001662324598692335,
  "rpve_csf": 26.404604416934962,
  "rpve_gm": 15.908719593653672,
  "rpve_wm": 21.21729056039352,
  "size_x": 208,
  "size_y": 256,
  "size_z": 256,
  "snr_csf": 1.2862170683030392,
  "snr_gm": 7.426959666543452,
  "snr_total": 8.823758902679804,
  "snr_wm": 17.75809997319292,
  "snrd_csf": 6.614432964618517,
  "snrd_gm": 38.054853538610715,
  "snrd_total": 34.35715382978895,
  "snrd_wm": 58.40217498613761,
  "spacing_x": 0.9997940063476562,
  "spacing_y": 1.0,
  "spacing_z": 1.0,
  "summary_bg_k": 1.5122988968990336,
  "summary_bg_mad": 11.217670941397317,
  "summary_bg_mean": 11.930199841462207,
  "summary_bg_median": 7.566204071044922,
  "summary_bg_n": 4429468.0,
  "summary_bg_p05": 0.0,
  "summary_bg_p95": 34.48139876127243,
  "summary_bg_stdv": 11.795008796499083,
  "summary_csf_k": 3.656268159532808,
  "summary_csf_mad": 61.22978722179369,
  "summary_csf_mean": 134.94925095541026,
  "summary_csf_median": 113.25661718845367,
  "summary_csf_n": 45345.0,
  "summary_csf_p05": 38.508826136589065,
  "summary_csf_p95": 325.70144087076187,
  "summary_csf_stdv": 88.0530752857414,
  "summary_gm_k": 0.1152550746696348,
  "summary_gm_mad": 85.88529314507322,
  "summary_gm_mean": 652.1976991814257,
  "summary_gm_median": 651.5999183058739,
  "summary_gm_n": 19647.0,
  "summary_gm_p05": 508.839045971632,
  "summary_gm_p95": 797.801049053669,
  "summary_gm_stdv": 87.73217637733732,
  "summary_wm_k": 1.232398899761634,
  "summary_wm_mad": 53.10866086317793,
  "summary_wm_mean": 1001.0133773349255,
  "summary_wm_median": 999.9999713897705,
  "summary_wm_n": 200000.0,
  "summary_wm_p05": 911.4123320579529,
  "summary_wm_p95": 1093.158859014511,
  "summary_wm_stdv": 56.31218840395551,
  "tpm_overlap_csf": 0.1656150094970834,
  "tpm_overlap_gm": 0.4267084960396759,
  "tpm_overlap_wm": 0.4983504061840653,
  "wm2max": 0.47142526342089375
}