{
  "bids_meta": {
    "AcquisitionMatrixPE": 256,
    "AcquisitionNumber": 1,
    "AcquisitionTime": "14:04:21.000000",
    "BodyPartExamined": "BRAIN",
    "CoilString": "32Ch Head",
    "ConversionSoftware": "dcm2niix",
    "ConversionSoftwareVersion": "v1.0.20211006",
    "Dcm2bidsVersion": "2.1.6",
    "DeviceSerialNumber": "000301496MR3T6MR",
    "EchoTime": 0.003036,
    "FlipAngle": 11,
    "ImageOrientationPatientDICOM": [
      0,
      1,
      0,
      0,
      0,
      -1
    ],
    "ImageType": [
      "ORIGINAL",
      "PRIMARY",
      "OTHER"
    ],
    "ImagingFrequency": 127.697,
    "InPlanePhaseEncodingDirectionDICOM": "ROW",
    "InstitutionName": "NIH FMRIF",
    "InversionTime": 0.4,
    "MRAcquisitionType": "3D",
    "MagneticFieldStrength": 3,
    "Manufacturer": "GE",
    "ManufacturersModelName": "DISCOVERY MR750",
    "Modality": "MR",
    "ParallelReductionFactorInPlane": 1.72974,
    "PatientPosition": "HFS",
    "PercentPhaseFOV": 100,
    "PercentSampling": 100,
    "PixelBandwidth": 244.141,
    "ProcedureStepDescription": "MRI Brain",
    "ProtocolName": "ADNI3 FMRIF Enhanced Pro",
    "ReconMatrixPE": 256,
    "RepetitionTime": 0.007348,
    "SAR": 0.151758,
    "ScanOptions": "FAST_GEMS\\EDR_GEMS\\FILTERED_GEMS\\ACC_GEMS\\IR_GEMS",
    "ScanningSequence": "GR",
    "SequenceVariant": "SS\\SP\\SK",
    "SeriesDescription": "Accelerated Sagittal IR-FSPGR",
    "SeriesNumber": 3,
    "SliceThickness": 1.2,
    "SoftwareVersions": "27\\LX\\MR Software release:DV26.0_EB_1707.b",
    "SpacingBetweenSlices": 1.2,
    "SpoilingState": true,
    "StationName": "fmrif3tb",
    "acq_id": "FSPGR",
    "dataset": "ds004215",
    "modality": "T1w",
    "rec_id": "SCIC",
    "session_id": "01",
    "subject_id": "ON35920"
  },
  "cjv": 0.2990708685224519,
  "cnr": 4.535400113236145,
  "efc": 0.5348354197675039,
  "fber": -1.0,
  "fwhm_avg": 3.3061204284844083,
  "fwhm_x": 3.1300329600854493,
  "fwhm_y": 3.564245699720767,
  "fwhm_z": 3.2240826256470076,
  "icvs_csf": 0.23150157387004675,
  "icvs_gm": 0.45954282715579914,
  "icvs_wm": 0.3089555989741541,
  "inu_med": 0.5167283713817596,
  "inu_range": 0.1041131392121315,
  "provenance": {
    "md5sum": "6aef71187459b2625a604c10c7bf3655",
    "settings": {
      "testing": false
    },
    "software": "mriqc",
    "version": "22.0.6",
    "warnings": {
      "large_rot_frame": true,
      "small_air_mask": false
    },
    "webapi_port": null,
    "webapi_url": "https://mriqc.nimh.nih.gov/api/v1"
  },
  "qi_1": 9.180681049150743e-05,
  "qi_2": 0.005315064802017218,
  "rpve_csf": 39.88815742285563,
  "rpve_gm": 21.262030800852187,
  "rpve_wm": 35.453967691084436,
  "size_x": 196,
  "size_y": 256,
  "size_z": 256,
  "snr_csf": 2.5637501591818026,
  "snr_gm": 10.278912625359034,
  "snr_total": 11.948081992143292,
  "snr_wm": 23.001583191889036,
  "snrd_csf": 21.422029777217315,
  "snrd_gm": 59.80061933868396,
  "snrd_total": 57.72507820114408,
  "snrd_wm": 91.95258548753097,
  "spacing_x": 1.1999969482421875,
  "spacing_y": 1.0547000169754028,
  "spacing_z": 1.0547000169754028,
  "summary_bg_k": 15.64618944508403,
  "summary_bg_mad": 0.0,
  "summary_bg_mean": 4.56005330210099,
  "summary_bg_median": 0.0,
  "summary_bg_n": 925751.0,
  "summary_bg_p05": 0.0,
  "summary_bg_p95": 17.474437326192856,
  "summary_bg_stdv": 7.124494194154017,
  "summary_csf_k": 2.0444723258088207,
  "summary_csf_mad": 64.53442821930636,
  "summary_csf_mean": 240.728384073576,
  "summary_csf_median": 232.96084109321237,
  "summary_csf_n": 19823.0,
  "summary_csf_p05": 98.96166399531066,
  "summary_csf_p95": 414.2233061041682,
  "summary_csf_stdv": 90.86492463431442,
  "summary_gm_k": 0.07858871791508237,
  "summary_gm_mad": 63.07947020127109,
  "summary_gm_mean": 649.395501958201,
  "summary_gm_median": 650.321315202862,
  "summary_gm_n": 21514.0,
  "summary_gm_p05": 543.3631967354565,
  "summary_gm_p95": 750.3561375774443,
  "summary_gm_stdv": 63.266050098817125,
  "summary_wm_k": 0.3817210748032869,
  "summary_wm_mad": 41.489770578812234,
  "summary_wm_mean": 999.5817165072694,
  "summary_wm_median": 999.9683446735144,
  "summary_wm_n": 96521.0,
  "summary_wm_p05": 927.5380682200193,
  "summary_wm_p95": 1070.4042559973896,
  "summary_wm_stdv": 43.473666845543214,
  "tpm_overlap_csf": 0.17014688265138372,
  "tpm_overlap_gm": 0.4748810980914631,
  "tpm_overlap_wm": 0.4799374088927566,
  "wm2max": 0.5279319197126645
}