{
  "bids_meta": {
    "AcquisitionMatrixPE": 256,
    "AcquisitionNumber": 1,
    "AcquisitionTime": "16:15:25.000000",
    "BodyPartExamined": "BRAIN",
    "CoilString": "32Ch Head",
    "ConversionSoftware": "dcm2niix",
    "ConversionSoftwareVersion": "v1.0.20211006",
    "Dcm2bidsVersion": "2.1.6",
    "DeviceSerialNumber": "000301496MR3T6MR",
    "EchoTime": 0.065888,
    "EchoTrainLength": 140,
    "FlipAngle": 90,
    "ImageOrientationPatientDICOM": [
      0,
      1,
      0,
      0,
      0,
      -1
    ],
    "ImageType": [
      "ORIGINAL",
      "PRIMARY",
      "OTHER"
    ],
    "ImagingFrequency": 127.697,
    "InPlanePhaseEncodingDirectionDICOM": "ROW",
    "InstitutionName": "NIH FMRIF",
    "MRAcquisitionType": "3D",
    "MagneticFieldStrength": 3,
    "Manufacturer": "GE",
    "ManufacturersModelName": "DISCOVERY MR750",
    "Modality": "MR",
    "ParallelReductionFactorInPlane": 2,
    "ParallelReductionOutOfPlane": 1.5,
    "PatientPosition": "HFS",
    "PercentPhaseFOV": 100,
    "PercentSampling": 100,
    "PhaseEncodingAxis": "i",
    "PixelBandwidth": 244.141,
    "ProcedureStepDescription": "MRI Brain",
    "ProtocolName": "ADNI3 FMRIF Enhanced Pro",
    "ReconMatrixPE": 256,
    "RepetitionTime": 3.202,
    "SAR": 0.47,
    "ScanOptions": "SAT_GEMS\\EDR_GEMS\\PROMO_GEMS\\ACC_GEMS\\FS\\FR_GEMS",
    "ScanningSequence": "RM",
    "SequenceVariant": "NONE",
    "SeriesDescription": "Sag_CUBE_T2",
    "SeriesNumber": 4,
    "SliceThickness": 1,
    "SoftwareVersions": "27\\LX\\MR Software release:DV26.0_R01_1725.a",
    "SpacingBetweenSlices": 1,
    "StationName": "fmrif3tb",
    "acq_id": "CUBE",
    "dataset": "ds004215",
    "modality": "T2w",
    "session_id": "01",
    "subject_id": "ON74065"
  },
  "cjv": 0.7815687022869933,
  "cnr": 1.1555847793258387,
  "efc": 0.37886867319290407,
  "fber": -1.0,
  "fwhm_avg": 2.3938466666666667,
  "fwhm_x": 2.01404,
  "fwhm_y": 2.63375,
  "fwhm_z": 2.53375,
  "icvs_csf": 0.32116530777941144,
  "icvs_gm": 0.47739373067503443,
  "icvs_wm": 0.20144096154555416,
  "inu_med": 0.9594970047473907,
  "inu_range": 0.5704333931207657,
  "provenance": {
    "md5sum": "6c1b865f84ed20bf2467c2777aae966b",
    "settings": {
      "testing": false
    },
    "software": "mriqc",
    "version": "22.0.6",
    "warnings": {
      "large_rot_frame": true,
      "small_air_mask": false
    },
    "webapi_port": null,
    "webapi_url": "https://mriqc.nimh.nih.gov/api/v1"
  },
  "qi_1": 0.0,
  "qi_2": 0.01282004093708108,
  "rpve_csf": 17.89386228902761,
  "rpve_gm": 13.984645676785151,
  "rpve_wm": 34.92272560624313,
  "size_x": 204,
  "size_y": 256,
  "size_z": 256,
  "snr_csf": 13.386867701171534,
  "snr_gm": 12.125402325264046,
  "snr_total": 9.156899660676203,
  "snr_wm": 1.9584289555930292,
  "snrd_csf": 93.0132307477666,
  "snrd_gm": 66.34645600113359,
  "snrd_total": 107.23889218531853,
  "snrd_wm": 162.35698980705538,
  "spacing_x": 1.0,
  "spacing_y": 1.0,
  "spacing_z": 1.0,
  "summary_bg_k": 146.0039745481331,
  "summary_bg_mad": 0.0,
  "summary_bg_mean": 2.934790303971166,
  "summary_bg_median": 0.0,
  "summary_bg_n": 3696087.0,
  "summary_bg_p05": 0.0,
  "summary_bg_p95": 8.947338396683335,
  "summary_bg_stdv": 4.03550359973008,
  "summary_csf_k": 0.7269586464190692,
  "summary_csf_mad": 39.964480079537374,
  "summary_csf_mean": 575.1009665589157,
  "summary_csf_median": 572.9421041253954,
  "summary_csf_n": 25652.0,
  "summary_csf_p05": 508.63488466478884,
  "summary_csf_p95": 647.5728478408417,
  "summary_csf_stdv": 42.797983009506794,
  "summary_gm_k": -0.015076000577578963,
  "summary_gm_mad": 34.6162303744781,
  "summary_gm_mean": 409.05890658902746,
  "summary_gm_median": 408.6803328618407,
  "summary_gm_n": 167600.0,
  "summary_gm_p05": 354.4566217530519,
  "summary_gm_p95": 463.6425544414669,
  "summary_gm_stdv": 33.7043755484393,
  "summary_wm_k": -1.210924724128243,
  "summary_wm_mad": 427.6073031903293,
  "summary_wm_mean": 796.838645281801,
  "summary_wm_median": 1000.08519875817,
  "summary_wm_n": 61845.0,
  "summary_wm_p05": 28.290631882846355,
  "summary_wm_p95": 1549.928967695683,
  "summary_wm_stdv": 510.65274053094043,
  "tpm_overlap_csf": 0.10075921044800579,
  "tpm_overlap_gm": 0.3139846300171526,
  "tpm_overlap_wm": 0.036755489422784594,
  "wm2max": 0.6624293501901743
}