{
  "aor": 0.032100000000000004,
  "aqi": 0.001309753111111111,
  "bids_meta": {
    "AcquisitionMatrixPE": 64,
    "AcquisitionNumber": 1,
    "AcquisitionTime": "15:21:54.000000",
    "BodyPartExamined": "BRAIN",
    "CoilString": "32Ch Head",
    "ConversionSoftware": "dcm2niix",
    "ConversionSoftwareVersion": "v1.0.20211006",
    "Dcm2bidsVersion": "2.1.6",
    "DeviceSerialNumber": "000301496MR3T6MR",
    "EchoTime": 0.0169,
    "EffectiveEchoSpacing": 0.000416,
    "FlipAngle": 90,
    "ImageOrientationPatientDICOM": [
      1,
      0,
      0,
      0,
      1,
      0
    ],
    "ImageType": [
      "ORIGINAL",
      "PRIMARY",
      "OTHER"
    ],
    "ImagingFrequency": 127.697,
    "InPlanePhaseEncodingDirectionDICOM": "COL",
    "InstitutionName": "NIH FMRIF",
    "InternalPulseSequenceName": "EPI",
    "MRAcquisitionType": "2D",
    "MagneticFieldStrength": 3,
    "Manufacturer": "GE",
    "ManufacturersModelName": "DISCOVERY MR750",
    "Modality": "MR",
    "PatientPosition": "HFS",
    "PercentPhaseFOV": 100,
    "PercentSampling": 100,
    "PhaseEncodingDirection": "j-",
    "PhaseEncodingPolarityGE": "Unflipped",
    "PixelBandwidth": 7812.5,
    "ProcedureStepDescription": "MRI Brain",
    "ProtocolName": "ADNI3 FMRIF Enhanced Pro",
    "PulseSequenceName": "epi",
    "ReconMatrixPE": 64,
    "RepetitionTime": 3,
    "SAR": 0.148958,
    "ScanOptions": "MP_GEMS\\EPI_GEMS\\PFF",
    "ScanningSequence": "EP\\GR",
    "SequenceVariant": "SS",
    "SeriesDescription": "Axial rsfMRI reverse blip - RKV",
    "SeriesNumber": 11,
    "SliceThickness": 3.4,
    "SliceTiming": [
      0,
      1.5,
      0.0625,
      1.5625,
      0.125,
      1.625,
      0.1875,
      1.6875,
      0.25,
      1.75,
      0.3125,
      1.8125,
      0.375,
      1.875,
      0.4375,
      1.9375,
      0.5,
      2,
      0.5625,
      2.0625,
      0.625,
      2.125,
      0.6875,
      2.1875,
      0.75,
      2.25,
      0.8125,
      2.3125,
      0.875,
      2.375,
      0.9375,
      2.4375,
      1,
      2.5,
      1.0625,
      2.5625,
      1.125,
      2.625,
      1.1875,
      2.6875,
      1.25,
      2.75,
      1.3125,
      2.8125,
      1.375,
      2.875,
      1.4375,
      2.9375
    ],
    "SoftwareVersions": "27\\LX\\MR Software release:DV26.0_R03_1831.b",
    "SpacingBetweenSlices": 3.4,
    "StationName": "FMRI3tb",
    "TaskName": "Resting state with reverse blip.",
    "TotalReadoutTime": 0.026208,
    "TriggerDelayTime": 29938,
    "dataset": "ds004215",
    "modality": "bold",
    "session_id": "01",
    "subject_id": "ON21959",
    "task_id": "rest"
  },
  "dummy_trs": 1,
  "dvars_nstd": 13.396465182500002,
  "dvars_std": 1.37968932,
  "dvars_vstd": 1.2881894275,
  "efc": 0.44625249520493926,
  "fber": 6072.08984375,
  "fd_mean": 0.1134496583660361,
  "fd_num": 2,
  "fd_perc": 22.22222222222222,
  "fwhm_avg": 2.4549222016137997,
  "fwhm_x": 2.417029818181818,
  "fwhm_y": 2.4109614545454545,
  "fwhm_z": 2.536775332114127,
  "gcor": 0.0528703,
  "gsr_x": -0.013647086918354034,
  "gsr_y": 0.032877374440431595,
  "provenance": {
    "md5sum": "e7ee06c74f8d11acdd844496450ea54b",
    "settings": {
      "fd_thres": 0.2,
      "testing": false
    },
    "software": "mriqc",
    "version": "22.0.6",
    "webapi_port": null,
    "webapi_url": "https://mriqc.nimh.nih.gov/api/v1"
  },
  "size_t": 9,
  "size_x": 64,
  "size_y": 64,
  "size_z": 48,
  "snr": 5.256365648754533,
  "spacing_tr": 3.0,
  "spacing_x": 3.4375,
  "spacing_y": 3.4375,
  "spacing_z": 3.4000015258789062,
  "summary_bg_k": 26.269140585251666,
  "summary_bg_mad": 8.730880359608392,
  "summary_bg_mean": 123.02100372314453,
  "summary_bg_median": 32.77777862548828,
  "summary_bg_n": 136738.0,
  "summary_bg_p05": 24.0,
  "summary_bg_p95": 635.6833496093743,
  "summary_bg_stdv": 252.77459716796875,
  "summary_fg_k": 1.1920532720327772,
  "summary_fg_mad": 421.7178035022902,
  "summary_fg_mean": 2602.56494140625,
  "summary_fg_median": 2545.888916015625,
  "summary_fg_n": 24294.0,
  "summary_fg_p05": 1874.7389099121094,
  "summary_fg_p95": 3454.666748046875,
  "summary_fg_stdv": 484.333984375,
  "tsnr": 177.35065198503435
}