{
  "aor": 0.0017398994974874374,
  "aqi": 0.0019068569648241205,
  "bids_meta": {
    "AcquisitionMatrixPE": 64,
    "AcquisitionNumber": 1,
    "AcquisitionTime": "15:11:0.000000",
    "BodyPartExamined": "BRAIN",
    "CoilString": "32Ch Head",
    "ConversionSoftware": "dcm2niix",
    "ConversionSoftwareVersion": "v1.0.20211006",
    "Dcm2bidsVersion": "2.1.6",
    "DeviceSerialNumber": "000301496MR3T6MR",
    "EchoTime": 0.0169,
    "EffectiveEchoSpacing": 0.000416,
    "FlipAngle": 90,
    "ImageOrientationPatientDICOM": [
      1,
      0,
      0,
      0,
      1,
      0
    ],
    "ImageType": [
      "ORIGINAL",
      "PRIMARY",
      "OTHER"
    ],
    "ImagingFrequency": 127.697,
    "InPlanePhaseEncodingDirectionDICOM": "COL",
    "InstitutionName": "NIH FMRIF",
    "InternalPulseSequenceName": "EPI",
    "MRAcquisitionType": "2D",
    "MagneticFieldStrength": 3,
    "Manufacturer": "GE",
    "ManufacturersModelName": "DISCOVERY MR750",
    "Modality": "MR",
    "PatientPosition": "HFS",
    "PercentPhaseFOV": 100,
    "PercentSampling": 100,
    "PhaseEncodingDirection": "j",
    "PhaseEncodingPolarityGE": "Flipped",
    "PixelBandwidth": 7812.5,
    "ProcedureStepDescription": "MRI Brain",
    "ProtocolName": "ADNI3 FMRIF Enhanced Pro",
    "PulseSequenceName": "epi",
    "ReconMatrixPE": 64,
    "RepetitionTime": 3,
    "SAR": 0.148818,
    "ScanOptions": "MP_GEMS\\EPI_GEMS\\PFF",
    "ScanningSequence": "EP\\GR",
    "SequenceVariant": "SS",
    "SeriesDescription": "Axial rsfMRI with Eyes Open - RKV",
    "SeriesNumber": 10,
    "SliceThickness": 3.4,
    "SliceTiming": [
      0,
      1.5,
      0.0625,
      1.5625,
      0.125,
      1.625,
      0.1875,
      1.6875,
      0.25,
      1.75,
      0.3125,
      1.8125,
      0.375,
      1.875,
      0.4375,
      1.9375,
      0.5,
      2,
      0.5625,
      2.0625,
      0.625,
      2.125,
      0.6875,
      2.1875,
      0.75,
      2.25,
      0.8125,
      2.3125,
      0.875,
      2.375,
      0.9375,
      2.4375,
      1,
      2.5,
      1.0625,
      2.5625,
      1.125,
      2.625,
      1.1875,
      2.6875,
      1.25,
      2.75,
      1.3125,
      2.8125,
      1.375,
      2.875,
      1.4375,
      2.9375
    ],
    "SoftwareVersions": "27\\LX\\MR Software release:DV26.0_R03_1831.b",
    "SpacingBetweenSlices": 3.4,
    "StationName": "FMRI3tb",
    "TaskName": "Resting state with eyes open.",
    "TotalReadoutTime": 0.026208,
    "TriggerDelayTime": 599938,
    "dataset": "ds004215",
    "modality": "bold",
    "session_id": "01",
    "subject_id": "ON21959",
    "task_id": "rest"
  },
  "dummy_trs": 1,
  "dvars_nstd": 11.659389096060602,
  "dvars_std": 1.2353988785858585,
  "dvars_vstd": 0.9820530411111106,
  "efc": 0.4429144402489959,
  "fber": 5760.86083984375,
  "fd_mean": 0.122732393679421,
  "fd_num": 18,
  "fd_perc": 9.045226130653266,
  "fwhm_avg": 2.7065506508761388,
  "fwhm_x": 2.7169920000000003,
  "fwhm_y": 2.508846545454545,
  "fwhm_z": 2.8938134071738717,
  "gcor": 0.0751397,
  "gsr_x": -0.01781812310218811,
  "gsr_y": 0.03003031015396118,
  "provenance": {
    "md5sum": "311ad456dc7e1efa1805376c4a09f595",
    "settings": {
      "fd_thres": 0.2,
      "testing": false
    },
    "software": "mriqc",
    "version": "22.0.6",
    "webapi_port": null,
    "webapi_url": "https://mriqc.nimh.nih.gov/api/v1"
  },
  "size_t": 199,
  "size_x": 64,
  "size_y": 64,
  "size_z": 48,
  "snr": 4.1876503460987475,
  "spacing_tr": 3.0,
  "spacing_x": 3.4375,
  "spacing_y": 3.4375,
  "spacing_z": 3.4000015258789062,
  "summary_bg_k": 22.78173722580609,
  "summary_bg_mad": 8.843465126235444,
  "summary_bg_mean": 130.57644653320312,
  "summary_bg_median": 33.12562942504883,
  "summary_bg_n": 137602.0,
  "summary_bg_p05": 24.62813949584961,
  "summary_bg_p95": 668.1751281738278,
  "summary_bg_stdv": 276.90472412109375,
  "summary_fg_k": 3.1152195377394385,
  "summary_fg_mad": 460.3032863621063,
  "summary_fg_mean": 2583.126220703125,
  "summary_fg_median": 2483.763671875,
  "summary_fg_n": 24242.0,
  "summary_fg_p05": 1788.5379699707032,
  "summary_fg_p95": 3693.262194824219,
  "summary_fg_stdv": 593.1040649414062,
  "tsnr": 120.53757416410372
}