{
  "bids_meta": {
    "AcquisitionMatrixPE": 256,
    "AcquisitionNumber": 1,
    "AcquisitionTime": "15:32:17.000000",
    "BodyPartExamined": "BRAIN",
    "CoilString": "32Ch Head",
    "ConversionSoftware": "dcm2niix",
    "ConversionSoftwareVersion": "v1.0.20211006",
    "Dcm2bidsVersion": "2.1.6",
    "DeviceSerialNumber": "000301496MR3T6MR",
    "EchoTime": 0.060339,
    "EchoTrainLength": 140,
    "FlipAngle": 90,
    "ImageOrientationPatientDICOM": [
      0,
      1,
      0,
      0,
      0,
      -1
    ],
    "ImageType": [
      "ORIGINAL",
      "PRIMARY",
      "OTHER"
    ],
    "ImagingFrequency": 127.697,
    "InPlanePhaseEncodingDirectionDICOM": "ROW",
    "InstitutionName": "NIH FMRIF",
    "MRAcquisitionType": "3D",
    "MagneticFieldStrength": 3,
    "Manufacturer": "GE",
    "ManufacturersModelName": "DISCOVERY MR750",
    "Modality": "MR",
    "ParallelReductionFactorInPlane": 2,
    "ParallelReductionOutOfPlane": 1.5,
    "PatientPosition": "HFS",
    "PercentPhaseFOV": 100,
    "PercentSampling": 100,
    "PhaseEncodingAxis": "i",
    "PixelBandwidth": 244.141,
    "ProtocolName": "ADNI3 FMRIF Enhanced Pro",
    "ReconMatrixPE": 256,
    "RepetitionTime": 3.202,
    "SAR": 0.3875,
    "ScanOptions": "SAT_GEMS\\EDR_GEMS\\PROMO_GEMS\\ACC_GEMS\\FS\\FR_GEMS",
    "ScanningSequence": "RM",
    "SequenceVariant": "NONE",
    "SeriesDescription": "Sag_CUBE_T2",
    "SeriesNumber": 4,
    "SliceThickness": 1,
    "SoftwareVersions": "27\\LX\\MR Software release:DV26.0_R01_1725.a",
    "SpacingBetweenSlices": 1,
    "StationName": "fmrif3tb",
    "acq_id": "CUBE",
    "dataset": "ds004215",
    "modality": "T2w",
    "session_id": "01",
    "subject_id": "ON65553"
  },
  "cjv": 0.2567271444945434,
  "cnr": 4.257588404455279,
  "efc": 0.3841167413657715,
  "fber": 5368.738547896689,
  "fwhm_avg": 2.6006066666666663,
  "fwhm_x": 2.12656,
  "fwhm_y": 2.81003,
  "fwhm_z": 2.86523,
  "icvs_csf": 0.24226314300245513,
  "icvs_gm": 0.6831368676487978,
  "icvs_wm": 0.07459998934874704,
  "inu_med": 0.8530187606811523,
  "inu_range": 0.5510987699031831,
  "provenance": {
    "md5sum": "40cf8830f65cad6f3d0fd147c38e1923",
    "settings": {
      "testing": false
    },
    "software": "mriqc",
    "version": "22.0.6",
    "warnings": {
      "large_rot_frame": true,
      "small_air_mask": false
    },
    "webapi_port": null,
    "webapi_url": "https://mriqc.nimh.nih.gov/api/v1"
  },
  "qi_1": 0.0,
  "qi_2": 0.01283757747598532,
  "rpve_csf": 27.720927218829477,
  "rpve_gm": 12.39767597250242,
  "rpve_wm": 91.1677216684775,
  "size_x": 236,
  "size_y": 256,
  "size_z": 256,
  "snr_csf": 7.4873443473161245,
  "snr_gm": 8.98494506442484,
  "snr_total": 5.7904886630874115,
  "snr_wm": 0.8991765775212698,
  "snrd_csf": 110.66801542377814,
  "snrd_gm": 40.87276820867144,
  "snrd_total": 52.5340271604349,
  "snrd_wm": 6.06129784885513,
  "spacing_x": 1.0,
  "spacing_y": 1.0,
  "spacing_z": 1.0,
  "summary_bg_k": 98.25006807915969,
  "summary_bg_mad": 108.28376300778642,
  "summary_bg_mean": 105.87141195872344,
  "summary_bg_median": 73.03628826141357,
  "summary_bg_n": 4755762.0,
  "summary_bg_p05": 0.0,
  "summary_bg_p95": 327.05558013916016,
  "summary_bg_stdv": 140.45271625497844,
  "summary_csf_k": 6.185349382362064,
  "summary_csf_mad": 1567.3904437888077,
  "summary_csf_mean": 17956.57574264378,
  "summary_csf_median": 18291.685753822327,
  "summary_csf_n": 93372.0,
  "summary_csf_p05": 13589.34309387207,
  "summary_csf_p95": 21098.966407251355,
  "summary_csf_stdv": 2443.000742916629,
  "summary_gm_k": -0.050456242595378065,
  "summary_gm_mad": 761.391490834624,
  "summary_gm_mean": 6802.1960211815485,
  "summary_gm_median": 6755.626990318298,
  "summary_gm_n": 496131.0,
  "summary_gm_p05": 5652.273755073547,
  "summary_gm_p95": 8117.133646965027,
  "summary_gm_stdv": 751.8821911058205,
  "summary_wm_k": 7.6312702207386796,
  "summary_wm_mad": 715.7624837810284,
  "summary_wm_mean": 1343.337442858071,
  "summary_wm_median": 1001.8373880386353,
  "summary_wm_n": 12744.0,
  "summary_wm_p05": 288.92971897125244,
  "summary_wm_p95": 3694.533751487732,
  "summary_wm_stdv": 1114.1283103607911,
  "tpm_overlap_csf": 0.14744717359258322,
  "tpm_overlap_gm": 0.41865282040635204,
  "tpm_overlap_wm": 0.033912311669059274,
  "wm2max": 0.044089108110293526
}