{
  "bids_meta": {
    "AcquisitionMatrixPE": 256,
    "AcquisitionNumber": 1,
    "AcquisitionTime": "14:07:28.000000",
    "BodyPartExamined": "BRAIN",
    "CoilString": "32Ch Head",
    "ConversionSoftware": "dcm2niix",
    "ConversionSoftwareVersion": "v1.0.20211006",
    "Dcm2bidsVersion": "2.1.6",
    "DeviceSerialNumber": "000301496MR3T6MR",
    "EchoTime": 0.00292,
    "FlipAngle": 8,
    "ImageOrientationPatientDICOM": [
      0,
      1,
      0,
      0,
      0,
      -1
    ],
    "ImageType": [
      "ORIGINAL",
      "PRIMARY",
      "OTHER"
    ],
    "ImagingFrequency": 127.697,
    "InPlanePhaseEncodingDirectionDICOM": "ROW",
    "InstitutionName": "NIH FMRIF",
    "InversionTime": 1.06,
    "MRAcquisitionType": "3D",
    "MagneticFieldStrength": 3,
    "Manufacturer": "GE",
    "ManufacturersModelName": "DISCOVERY MR750",
    "Modality": "MR",
    "ParallelReductionFactorInPlane": 2,
    "ParallelReductionOutOfPlane": 2,
    "PatientPosition": "HFS",
    "PercentPhaseFOV": 100,
    "PercentSampling": 100,
    "PixelBandwidth": 244.141,
    "ProcedureStepDescription": "MRI Brain",
    "ProtocolName": "ADNI3 FMRIF Enhanced Pro",
    "ReconMatrixPE": 256,
    "RepetitionTime": 0.006952,
    "SAR": 0.134357,
    "ScanOptions": "EDR_GEMS\\PROMO_GEMS\\ACC_GEMS\\IR_GEMS",
    "ScanningSequence": "RM",
    "SequenceVariant": "NONE",
    "SeriesDescription": "ORIG Anat T1w MP-RAGE 1mm (ABCD)",
    "SeriesNumber": 40003,
    "SliceThickness": 1,
    "SoftwareVersions": "27\\LX\\MR Software release:DV26.0_R03_1831.b",
    "SpacingBetweenSlices": 1,
    "StationName": "FMRI3tb",
    "acq_id": "MPRAGE",
    "dataset": "ds004215",
    "modality": "T1w",
    "session_id": "01",
    "subject_id": "ON54268"
  },
  "cjv": 0.37944011682630086,
  "cnr": 3.57284994791074,
  "efc": 0.4904423678635786,
  "fber": 4097.655339625446,
  "fwhm_avg": 3.715393333333333,
  "fwhm_x": 3.60885,
  "fwhm_y": 3.89632,
  "fwhm_z": 3.64101,
  "icvs_csf": 0.1925129734239345,
  "icvs_gm": 0.4585268317333236,
  "icvs_wm": 0.34896019484274193,
  "inu_med": 0.9441635012626648,
  "inu_range": 0.6620363354682921,
  "provenance": {
    "md5sum": "d66411fd844982ff9ba85f40fe6e65e1",
    "settings": {
      "testing": false
    },
    "software": "mriqc",
    "version": "22.0.6",
    "warnings": {
      "large_rot_frame": true,
      "small_air_mask": false
    },
    "webapi_port": null,
    "webapi_url": "https://mriqc.nimh.nih.gov/api/v1"
  },
  "qi_1": 0.0,
  "qi_2": 0.0011387887187150163,
  "rpve_csf": 27.396960446971672,
  "rpve_gm": 12.497447690661595,
  "rpve_wm": 18.200950570853283,
  "size_x": 208,
  "size_y": 256,
  "size_z": 256,
  "snr_csf": 1.396624916318427,
  "snr_gm": 8.126448783932656,
  "snr_total": 8.67721458349803,
  "snr_wm": 16.50857005024301,
  "snrd_csf": 5.544340974939228,
  "snrd_gm": 27.27982208791578,
  "snrd_total": 25.13183580598793,
  "snrd_wm": 42.571344355108785,
  "spacing_x": 1.0,
  "spacing_y": 1.0,
  "spacing_z": 1.0,
  "summary_bg_k": 1.3343466133635822,
  "summary_bg_mad": 15.389856836514225,
  "summary_bg_mean": 15.728045188413871,
  "summary_bg_median": 10.38030069321394,
  "summary_bg_n": 3934709.0,
  "summary_bg_p05": 0.0,
  "summary_bg_p95": 43.33659168332815,
  "summary_bg_stdv": 14.842977434213177,
  "summary_csf_k": 3.572116435818879,
  "summary_csf_mad": 65.49315756884305,
  "summary_csf_mean": 151.96951111761402,
  "summary_csf_median": 130.24251721799374,
  "summary_csf_n": 36897.0,
  "summary_csf_p05": 45.33817432820797,
  "summary_csf_p95": 351.9620161503552,
  "summary_csf_stdv": 93.25392289442186,
  "summary_gm_k": -0.009272536797967135,
  "summary_gm_mad": 78.67460445572294,
  "summary_gm_mean": 641.5984046182404,
  "summary_gm_median": 640.8322853967547,
  "summary_gm_n": 40267.0,
  "summary_gm_p05": 512.4517055228353,
  "summary_gm_p95": 773.0763852596283,
  "summary_gm_stdv": 78.8566254580601,
  "summary_wm_k": 0.6842163955742446,
  "summary_wm_mad": 57.625697123270754,
  "summary_wm_mean": 1001.2165105748498,
  "summary_wm_median": 1000.0465475022793,
  "summary_wm_n": 211448.0,
  "summary_wm_p05": 904.8550007864833,
  "summary_wm_p95": 1101.475584320724,
  "summary_wm_stdv": 60.57727469418959,
  "tpm_overlap_csf": 0.16311493544266892,
  "tpm_overlap_gm": 0.4743953576259275,
  "tpm_overlap_wm": 0.4966104555238521,
  "wm2max": 0.42079074089577917
}