{
  "bids_meta": {
    "AcquisitionMatrixPE": 256,
    "AcquisitionNumber": 1,
    "AcquisitionTime": "14:14:0.000000",
    "BodyPartExamined": "BRAIN",
    "CoilString": "32Ch Head",
    "ConversionSoftware": "dcm2niix",
    "ConversionSoftwareVersion": "v1.0.20211006",
    "Dcm2bidsVersion": "2.1.6",
    "DeviceSerialNumber": "000301496MR3T6MR",
    "EchoTime": 0.058984,
    "EchoTrainLength": 140,
    "FlipAngle": 90,
    "ImageOrientationPatientDICOM": [
      0,
      1,
      0,
      0,
      0,
      -1
    ],
    "ImageType": [
      "ORIGINAL",
      "PRIMARY",
      "OTHER"
    ],
    "ImagingFrequency": 127.697,
    "InPlanePhaseEncodingDirectionDICOM": "ROW",
    "InstitutionName": "NIH FMRIF",
    "MRAcquisitionType": "3D",
    "MagneticFieldStrength": 3,
    "Manufacturer": "GE",
    "ManufacturersModelName": "DISCOVERY MR750",
    "Modality": "MR",
    "ParallelReductionFactorInPlane": 2,
    "ParallelReductionOutOfPlane": 1.5,
    "PatientPosition": "HFS",
    "PercentPhaseFOV": 100,
    "PercentSampling": 100,
    "PhaseEncodingAxis": "i",
    "PixelBandwidth": 244.141,
    "ProcedureStepDescription": "MRI Brain",
    "ProtocolName": "ADNI3 FMRIF Enhanced Pro",
    "ReconMatrixPE": 256,
    "RepetitionTime": 3.202,
    "SAR": 0.3866,
    "ScanOptions": "SAT_GEMS\\EDR_GEMS\\PROMO_GEMS\\ACC_GEMS\\FS\\FR_GEMS",
    "ScanningSequence": "RM",
    "SequenceVariant": "NONE",
    "SeriesDescription": "ORIG Anat T2w CUBE (ABCD)",
    "SeriesNumber": 40004,
    "SliceThickness": 1,
    "SoftwareVersions": "27\\LX\\MR Software release:DV26.0_R03_1831.b",
    "SpacingBetweenSlices": 1,
    "StationName": "FMRI3tb",
    "acq_id": "CUBE",
    "dataset": "ds004215",
    "modality": "T2w",
    "session_id": "01",
    "subject_id": "ON54268"
  },
  "cjv": 1.6837611797144147,
  "cnr": 0.812051026109518,
  "efc": 0.4554802354931638,
  "fber": 4598.53515625,
  "fwhm_avg": 2.47265,
  "fwhm_x": 2.04501,
  "fwhm_y": 2.77543,
  "fwhm_z": 2.59751,
  "icvs_csf": 0.32232714347900204,
  "icvs_gm": 0.4920002077731593,
  "icvs_wm": 0.18567264874783868,
  "inu_med": 0.8866175711154938,
  "inu_range": 0.6007330417633057,
  "provenance": {
    "md5sum": "05ded1f60e6f32c6b1169468581f6331",
    "settings": {
      "testing": false
    },
    "software": "mriqc",
    "version": "22.0.6",
    "warnings": {
      "large_rot_frame": true,
      "small_air_mask": false
    },
    "webapi_port": null,
    "webapi_url": "https://mriqc.nimh.nih.gov/api/v1"
  },
  "qi_1": 0.0,
  "qi_2": 0.008869905100549446,
  "rpve_csf": 15.559484734152402,
  "rpve_gm": 11.713036660557757,
  "rpve_wm": 33.002752836386954,
  "size_x": 204,
  "size_y": 256,
  "size_z": 256,
  "snr_csf": 13.176002986114296,
  "snr_gm": 12.875885643667546,
  "snr_total": 9.220216145559798,
  "snr_wm": 1.6087598068975493,
  "snrd_csf": 66.96247875982948,
  "snrd_gm": 48.64157967104944,
  "snrd_total": 71.34056566147603,
  "snrd_wm": 98.41763855354917,
  "spacing_x": 1.0,
  "spacing_y": 1.0,
  "spacing_z": 1.0,
  "summary_bg_k": 9.700292562333505,
  "summary_bg_mad": 6.661151532711678,
  "summary_bg_mean": 6.773188621355571,
  "summary_bg_median": 4.492878433316946,
  "summary_bg_n": 3827891.0,
  "summary_bg_p05": 0.0,
  "summary_bg_p95": 20.329478301107883,
  "summary_bg_stdv": 7.56862524776777,
  "summary_csf_k": 0.6629876631281086,
  "summary_csf_mad": 48.75396015431526,
  "summary_csf_mean": 683.6940824372556,
  "summary_csf_median": 680.8463367708027,
  "summary_csf_n": 31308.0,
  "summary_csf_p05": 603.7026581391692,
  "summary_csf_p95": 772.6157686002553,
  "summary_csf_stdv": 51.67238228778876,
  "summary_gm_k": 0.10842503596426178,
  "summary_gm_mad": 38.50240070326253,
  "summary_gm_mean": 494.9545143099247,
  "summary_gm_median": 494.5671359114349,
  "summary_gm_n": 178757.0,
  "summary_gm_p05": 432.55904065445065,
  "summary_gm_p95": 558.0409929268062,
  "summary_gm_stdv": 38.41023182761245,
  "summary_wm_k": -1.7240414039032375,
  "summary_wm_mad": 813.6525733893136,
  "summary_wm_mean": 823.9643940890255,
  "summary_wm_median": 1000.6691795736551,
  "summary_wm_n": 71315.0,
  "summary_wm_p05": 31.864386051893234,
  "summary_wm_p95": 1593.3244550686331,
  "summary_wm_stdv": 622.0084312271383,
  "tpm_overlap_csf": 0.09503296233726223,
  "tpm_overlap_gm": 0.32968499733341283,
  "tpm_overlap_wm": 0.045859278224745816,
  "wm2max": 0.6321637780059183
}