{
  "bids_meta": {
    "AcquisitionMatrixPE": 256,
    "AcquisitionNumber": 1,
    "AcquisitionTime": "14:07:28.000000",
    "BodyPartExamined": "BRAIN",
    "CoilString": "32Ch Head",
    "ConversionSoftware": "dcm2niix",
    "ConversionSoftwareVersion": "v1.0.20211006",
    "Dcm2bidsVersion": "2.1.6",
    "DeviceSerialNumber": "000301496MR3T6MR",
    "EchoTime": 0.00292,
    "FlipAngle": 8,
    "ImageOrientationPatientDICOM": [
      0,
      1,
      0,
      0,
      0,
      -1
    ],
    "ImageType": [
      "ORIGINAL",
      "PRIMARY",
      "OTHER"
    ],
    "ImagingFrequency": 127.697,
    "InPlanePhaseEncodingDirectionDICOM": "ROW",
    "InstitutionName": "NIH FMRIF",
    "InversionTime": 1.06,
    "MRAcquisitionType": "3D",
    "MagneticFieldStrength": 3,
    "Manufacturer": "GE",
    "ManufacturersModelName": "DISCOVERY MR750",
    "Modality": "MR",
    "ParallelReductionFactorInPlane": 2,
    "ParallelReductionOutOfPlane": 2,
    "PatientPosition": "HFS",
    "PercentPhaseFOV": 100,
    "PercentSampling": 100,
    "PixelBandwidth": 244.141,
    "ProcedureStepDescription": "MRI Brain",
    "ProtocolName": "ADNI3 FMRIF Enhanced Pro",
    "ReconMatrixPE": 256,
    "RepetitionTime": 0.006952,
    "SAR": 0.134357,
    "ScanOptions": "EDR_GEMS\\PROMO_GEMS\\FILTERED_GEMS\\ACC_GEMS\\IR_GEMS",
    "ScanningSequence": "RM",
    "SequenceVariant": "NONE",
    "SeriesDescription": "Anat T1w MP-RAGE 1mm (ABCD)",
    "SeriesNumber": 3,
    "SliceThickness": 1,
    "SoftwareVersions": "27\\LX\\MR Software release:DV26.0_R03_1831.b",
    "SpacingBetweenSlices": 1,
    "StationName": "FMRI3tb",
    "acq_id": "MPRAGE",
    "dataset": "ds004215",
    "modality": "T1w",
    "rec_id": "SCIC",
    "session_id": "01",
    "subject_id": "ON54268"
  },
  "cjv": 0.34143914761532973,
  "cnr": 3.9433224278070154,
  "efc": 0.7101849154981518,
  "fber": 6605.586675376905,
  "fwhm_avg": 3.3023633333333335,
  "fwhm_x": 3.18399,
  "fwhm_y": 3.53237,
  "fwhm_z": 3.19073,
  "icvs_csf": 0.19978955111696456,
  "icvs_gm": 0.45861427114918674,
  "icvs_wm": 0.3415961777338487,
  "inu_med": 0.553880363702774,
  "inu_range": 0.09511993825435627,
  "provenance": {
    "md5sum": "3527c2f3d8bf2fdb292c0254f15c3379",
    "settings": {
      "testing": false
    },
    "software": "mriqc",
    "version": "22.0.6",
    "warnings": {
      "large_rot_frame": true,
      "small_air_mask": false
    },
    "webapi_port": null,
    "webapi_url": "https://mriqc.nimh.nih.gov/api/v1"
  },
  "qi_1": 0.0,
  "qi_2": 0.0018163393199031232,
  "rpve_csf": 26.32075614734182,
  "rpve_gm": 12.442659377626704,
  "rpve_wm": 18.63372340981694,
  "size_x": 208,
  "size_y": 256,
  "size_z": 256,
  "snr_csf": 1.9779266541593579,
  "snr_gm": 8.85634841722894,
  "snr_total": 9.837959624779828,
  "snr_wm": 18.679603802951185,
  "snrd_csf": 18.006062060121867,
  "snrd_gm": 64.19207429515892,
  "snrd_total": 60.72669012497921,
  "snrd_wm": 99.98193401965685,
  "spacing_x": 1.0,
  "spacing_y": 1.0,
  "spacing_z": 1.0,
  "summary_bg_k": 5.258156979878747,
  "summary_bg_mad": 6.5525475629864705,
  "summary_bg_mean": 7.061126277580017,
  "summary_bg_median": 4.419626168906689,
  "summary_bg_n": 954680.0,
  "summary_bg_p05": 0.0,
  "summary_bg_p95": 31.91658179461956,
  "summary_bg_stdv": 10.919541124541595,
  "summary_csf_k": 3.017036473012168,
  "summary_csf_mad": 67.99739477039255,
  "summary_csf_mean": 199.74616697580825,
  "summary_csf_median": 180.09315017610788,
  "summary_csf_n": 39764.0,
  "summary_csf_p05": 90.58910404890776,
  "summary_csf_p95": 387.75868073590095,
  "summary_csf_stdv": 91.05033559160768,
  "summary_gm_k": 0.011382576944187761,
  "summary_gm_mad": 71.3717605812718,
  "summary_gm_mean": 642.8496647622646,
  "summary_gm_median": 642.0367117226124,
  "summary_gm_n": 41859.0,
  "summary_gm_p05": 523.9744703926146,
  "summary_gm_p95": 763.8013824000955,
  "summary_gm_stdv": 72.4936522808395,
  "summary_wm_k": 0.5346478028810275,
  "summary_wm_mad": 50.85090803371536,
  "summary_wm_mean": 999.7666914378921,
  "summary_wm_median": 999.9999665766954,
  "summary_wm_n": 212471.0,
  "summary_wm_p05": 911.3692597523332,
  "summary_wm_p95": 1086.6722761765122,
  "summary_wm_stdv": 53.534198254980566,
  "tpm_overlap_csf": 0.16660701865933022,
  "tpm_overlap_gm": 0.47908504041515027,
  "tpm_overlap_wm": 0.5041687330158889,
  "wm2max": 0.6523600704395567
}