{
  "bids_meta": {
    "AcquisitionMatrixPE": 256,
    "AcquisitionNumber": 1,
    "AcquisitionTime": "15:08:27.000000",
    "BodyPartExamined": "BRAIN",
    "CoilString": "32Ch Head",
    "ConversionSoftware": "dcm2niix",
    "ConversionSoftwareVersion": "v1.0.20211006",
    "Dcm2bidsVersion": "2.1.6",
    "DeviceSerialNumber": "000301496MR3T6MR",
    "EchoTime": 0.003036,
    "FlipAngle": 11,
    "ImageOrientationPatientDICOM": [
      0,
      1,
      0,
      0,
      0,
      -1
    ],
    "ImageType": [
      "ORIGINAL",
      "PRIMARY",
      "OTHER"
    ],
    "ImagingFrequency": 127.697,
    "InPlanePhaseEncodingDirectionDICOM": "ROW",
    "InstitutionName": "NIH FMRIF",
    "InversionTime": 0.4,
    "MRAcquisitionType": "3D",
    "MagneticFieldStrength": 3,
    "Manufacturer": "GE",
    "ManufacturersModelName": "DISCOVERY MR750",
    "Modality": "MR",
    "ParallelReductionFactorInPlane": 1.72974,
    "PatientPosition": "HFS",
    "PercentPhaseFOV": 100,
    "PercentSampling": 100,
    "PixelBandwidth": 244.141,
    "ProcedureStepDescription": "MRI BRAIN",
    "ProtocolName": "ADNI3 FMRIF Enhanced Pro",
    "ReconMatrixPE": 256,
    "RepetitionTime": 0.007348,
    "SAR": 0.173682,
    "ScanOptions": "FAST_GEMS\\EDR_GEMS\\FILTERED_GEMS\\ACC_GEMS\\IR_GEMS",
    "ScanningSequence": "GR",
    "SequenceVariant": "SS\\SP\\SK",
    "SeriesDescription": "Accelerated Sagittal IR-FSPGR",
    "SeriesNumber": 3,
    "SliceThickness": 1.2,
    "SoftwareVersions": "27\\LX\\MR Software release:DV26.0_R01_1725.a",
    "SpacingBetweenSlices": 1.2,
    "SpoilingState": true,
    "StationName": "fmrif3tb",
    "acq_id": "FSPGR",
    "dataset": "ds004215",
    "modality": "T1w",
    "rec_id": "SCIC",
    "session_id": "01",
    "subject_id": "ON62623"
  },
  "cjv": 0.3096643386146892,
  "cnr": 4.271982209866562,
  "efc": 0.5175767785704385,
  "fber": 16406.26843100189,
  "fwhm_avg": 3.405328978247781,
  "fwhm_x": 3.17697121414993,
  "fwhm_y": 3.7147339878078074,
  "fwhm_z": 3.324281732785606,
  "icvs_csf": 0.22847175346233545,
  "icvs_gm": 0.4375139095074818,
  "icvs_wm": 0.33401433703018274,
  "inu_med": 0.535540908575058,
  "inu_range": 0.12064571678638458,
  "provenance": {
    "md5sum": "297c89fb08bfac0d8c7a6503fe885b26",
    "settings": {
      "testing": false
    },
    "software": "mriqc",
    "version": "22.0.6",
    "warnings": {
      "large_rot_frame": true,
      "small_air_mask": false
    },
    "webapi_port": null,
    "webapi_url": "https://mriqc.nimh.nih.gov/api/v1"
  },
  "qi_1": 0.0,
  "qi_2": 0.0033662481518685486,
  "rpve_csf": 39.94833368724784,
  "rpve_gm": 21.24933571968288,
  "rpve_wm": 31.514696714707064,
  "size_x": 196,
  "size_y": 256,
  "size_z": 256,
  "snr_csf": 2.1217726801490056,
  "snr_gm": 11.3216408629157,
  "snr_total": 12.147265124655641,
  "snr_wm": 22.998381830902222,
  "snrd_csf": 9.57752063039147,
  "snrd_gm": 29.089805111846207,
  "snrd_total": 27.203787727791617,
  "snrd_wm": 42.94403744113717,
  "spacing_x": 1.2000045776367188,
  "spacing_y": 1.0547000169754028,
  "spacing_z": 1.0547000169754028,
  "summary_bg_k": 99.73419026548159,
  "summary_bg_mad": 0.0,
  "summary_bg_mean": 7.63281590211582,
  "summary_bg_median": 0.0,
  "summary_bg_n": 1027526.0,
  "summary_bg_p05": 0.0,
  "summary_bg_p95": 32.40373958647251,
  "summary_bg_stdv": 15.255584726904774,
  "summary_csf_k": 21.136067176663513,
  "summary_csf_mad": 80.31447231275587,
  "summary_csf_mean": 220.72203282609587,
  "summary_csf_median": 223.02329324185848,
  "summary_csf_n": 21254.0,
  "summary_csf_p05": 59.657740607857704,
  "summary_csf_p95": 395.1315174244343,
  "summary_csf_stdv": 105.10930254092109,
  "summary_gm_k": 0.15303593892850165,
  "summary_gm_mad": 59.43564605521678,
  "summary_gm_mean": 675.8289962421597,
  "summary_gm_median": 677.3886881768703,
  "summary_gm_n": 21351.0,
  "summary_gm_p05": 574.5523703694344,
  "summary_gm_p95": 771.7081306651235,
  "summary_gm_stdv": 59.82991626674671,
  "summary_wm_k": 0.6282253331376504,
  "summary_wm_mad": 40.46557325300826,
  "summary_wm_mean": 999.2115291596168,
  "summary_wm_median": 1000.000002592802,
  "summary_wm_n": 110956.0,
  "summary_wm_p05": 926.398354485631,
  "summary_wm_p95": 1069.4818598479033,
  "summary_wm_stdv": 43.48112417840596,
  "tpm_overlap_csf": 0.17390042552249602,
  "tpm_overlap_gm": 0.49645110105720114,
  "tpm_overlap_wm": 0.5266759343346678,
  "wm2max": 0.4634222458832816
}