{
  "bids_meta": {
    "AcquisitionMatrixPE": 256,
    "AcquisitionNumber": 1,
    "AcquisitionTime": "09:08:8.000000",
    "BodyPartExamined": "BRAIN",
    "CoilString": "32Ch Head",
    "ConversionSoftware": "dcm2niix",
    "ConversionSoftwareVersion": "v1.0.20211006",
    "Dcm2bidsVersion": "2.1.6",
    "DeviceSerialNumber": "000301496mr3T5mr",
    "EchoTime": 0.00292,
    "FlipAngle": 8,
    "ImageOrientationPatientDICOM": [
      0,
      1,
      0,
      0,
      0,
      -1
    ],
    "ImageType": [
      "ORIGINAL",
      "PRIMARY",
      "OTHER"
    ],
    "ImagingFrequency": 127.824,
    "InPlanePhaseEncodingDirectionDICOM": "ROW",
    "InstitutionName": "NIH FMRIF",
    "InversionTime": 1.06,
    "MRAcquisitionType": "3D",
    "MagneticFieldStrength": 3,
    "Manufacturer": "GE",
    "ManufacturersModelName": "DISCOVERY MR750",
    "Modality": "MR",
    "ParallelReductionFactorInPlane": 2,
    "ParallelReductionOutOfPlane": 2,
    "PatientPosition": "HFS",
    "PercentPhaseFOV": 100,
    "PercentSampling": 100,
    "PixelBandwidth": 244.141,
    "ProcedureStepDescription": "MRI Brain",
    "ProtocolName": "ADNI3 FMRIF Enhanced Pro",
    "ReconMatrixPE": 256,
    "RepetitionTime": 0.006952,
    "SAR": 0.100848,
    "ScanOptions": "EDR_GEMS\\PROMO_GEMS\\ACC_GEMS\\IR_GEMS",
    "ScanningSequence": "RM",
    "SequenceVariant": "NONE",
    "SeriesDescription": "ORIG Anat T1w MP-RAGE 1mm (ABCD)",
    "SeriesNumber": 40003,
    "SliceThickness": 1,
    "SoftwareVersions": "27\\LX\\MR Software release:DV26.0_R03_1831.b",
    "SpacingBetweenSlices": 1,
    "StationName": "FMRI3ta",
    "acq_id": "MPRAGE",
    "dataset": "ds004215",
    "modality": "T1w",
    "session_id": "01",
    "subject_id": "ON42941"
  },
  "cjv": 0.33885426982258726,
  "cnr": 3.8248909274706793,
  "efc": 0.4222363882031296,
  "fber": 7230.075517932725,
  "fwhm_avg": 3.5479833333333333,
  "fwhm_x": 3.60552,
  "fwhm_y": 3.60376,
  "fwhm_z": 3.43467,
  "icvs_csf": 0.23585897230547573,
  "icvs_gm": 0.42443521767133163,
  "icvs_wm": 0.33970581002319267,
  "inu_med": 0.8155601918697357,
  "inu_range": 0.4860192835330961,
  "provenance": {
    "md5sum": "bfb36d6f86ec948aef5d303a192bb3a4",
    "settings": {
      "testing": false
    },
    "software": "mriqc",
    "version": "22.0.6",
    "warnings": {
      "large_rot_frame": true,
      "small_air_mask": false
    },
    "webapi_port": null,
    "webapi_url": "https://mriqc.nimh.nih.gov/api/v1"
  },
  "qi_1": 0.0,
  "qi_2": 0.0016567882426925986,
  "rpve_csf": 27.86963650202629,
  "rpve_gm": 15.647394409029497,
  "rpve_wm": 23.12456824094627,
  "size_x": 208,
  "size_y": 256,
  "size_z": 256,
  "snr_csf": 1.1898997207553201,
  "snr_gm": 7.9139956422260145,
  "snr_total": 9.515416538778567,
  "snr_wm": 19.442354253354367,
  "snrd_csf": 8.360422325884416,
  "snrd_gm": 36.990008081383955,
  "snrd_total": 34.5810104221197,
  "snrd_wm": 58.3926008590907,
  "spacing_x": 1.0,
  "spacing_y": 1.0,
  "spacing_z": 1.0,
  "summary_bg_k": 1.7636895392273644,
  "summary_bg_mad": 11.219511025276242,
  "summary_bg_mean": 11.68931433427262,
  "summary_bg_median": 7.5674451887607574,
  "summary_bg_n": 3710927.0,
  "summary_bg_p05": 0.0,
  "summary_bg_p95": 33.59945663809776,
  "summary_bg_stdv": 11.430329089821212,
  "summary_csf_k": 0.31315282261619837,
  "summary_csf_mad": 102.99511121203591,
  "summary_csf_mean": 178.62319509569576,
  "summary_csf_median": 143.17606297135353,
  "summary_csf_n": 31099.0,
  "summary_csf_p05": 37.912900395691395,
  "summary_csf_p95": 417.1213625270873,
  "summary_csf_stdv": 120.32422439933296,
  "summary_gm_k": 0.3796232372866286,
  "summary_gm_mad": 75.00243120397168,
  "summary_gm_mean": 632.5932471815192,
  "summary_gm_median": 633.470836751163,
  "summary_gm_n": 19818.0,
  "summary_gm_p05": 498.3862645478919,
  "summary_gm_p95": 764.8795224539936,
  "summary_gm_stdv": 80.04235571733894,
  "summary_wm_k": 0.5086800504781985,
  "summary_wm_mad": 49.19755584583633,
  "summary_wm_mean": 999.7998167757872,
  "summary_wm_median": 1000.0000444687903,
  "summary_wm_n": 179602.0,
  "summary_wm_p05": 915.396007258445,
  "summary_wm_p95": 1083.0905926413834,
  "summary_wm_stdv": 51.4339594629544,
  "tpm_overlap_csf": 0.1509650162835146,
  "tpm_overlap_gm": 0.4695074841115353,
  "tpm_overlap_wm": 0.5097371521338572,
  "wm2max": 0.506137847827336
}