{
  "bids_meta": {
    "AcquisitionMatrixPE": 256,
    "AcquisitionNumber": 1,
    "AcquisitionTime": "09:14:51.000000",
    "BodyPartExamined": "BRAIN",
    "CoilString": "32Ch Head",
    "ConversionSoftware": "dcm2niix",
    "ConversionSoftwareVersion": "v1.0.20211006",
    "Dcm2bidsVersion": "2.1.6",
    "DeviceSerialNumber": "000301496mr3T5mr",
    "EchoTime": 0.066902,
    "EchoTrainLength": 140,
    "FlipAngle": 90,
    "ImageOrientationPatientDICOM": [
      0,
      1,
      0,
      0,
      0,
      -1
    ],
    "ImageType": [
      "ORIGINAL",
      "PRIMARY",
      "OTHER"
    ],
    "ImagingFrequency": 127.824,
    "InPlanePhaseEncodingDirectionDICOM": "ROW",
    "InstitutionName": "NIH FMRIF",
    "MRAcquisitionType": "3D",
    "MagneticFieldStrength": 3,
    "Manufacturer": "GE",
    "ManufacturersModelName": "DISCOVERY MR750",
    "Modality": "MR",
    "ParallelReductionFactorInPlane": 2,
    "ParallelReductionOutOfPlane": 1.5,
    "PatientPosition": "HFS",
    "PercentPhaseFOV": 100,
    "PercentSampling": 100,
    "PhaseEncodingAxis": "i",
    "PixelBandwidth": 244.141,
    "ProcedureStepDescription": "MRI Brain",
    "ProtocolName": "ADNI3 FMRIF Enhanced Pro",
    "ReconMatrixPE": 256,
    "RepetitionTime": 3.202,
    "SAR": 0.4873,
    "ScanOptions": "SAT_GEMS\\EDR_GEMS\\PROMO_GEMS\\ACC_GEMS\\FS\\FR_GEMS",
    "ScanningSequence": "RM",
    "SequenceVariant": "NONE",
    "SeriesDescription": "ORIG Anat T2w CUBE (ABCD)",
    "SeriesNumber": 40004,
    "SliceThickness": 1,
    "SoftwareVersions": "27\\LX\\MR Software release:DV26.0_R03_1831.b",
    "SpacingBetweenSlices": 1,
    "StationName": "FMRI3ta",
    "acq_id": "CUBE",
    "dataset": "ds004215",
    "modality": "T2w",
    "session_id": "01",
    "subject_id": "ON42941"
  },
  "cjv": 1.5514049691170781,
  "cnr": 0.4454929520665117,
  "efc": 0.38376515356805635,
  "fber": 12960.846661224488,
  "fwhm_avg": 2.1994866666666666,
  "fwhm_x": 1.84903,
  "fwhm_y": 2.46093,
  "fwhm_z": 2.2885,
  "icvs_csf": 0.23974367644498695,
  "icvs_gm": 0.5973048960680046,
  "icvs_wm": 0.16295142748700844,
  "inu_med": 0.8253455758094788,
  "inu_range": 0.42826423048973083,
  "provenance": {
    "md5sum": "b4d2d0d41698071c402018610585b779",
    "settings": {
      "testing": false
    },
    "software": "mriqc",
    "version": "22.0.6",
    "warnings": {
      "large_rot_frame": true,
      "small_air_mask": false
    },
    "webapi_port": null,
    "webapi_url": "https://mriqc.nimh.nih.gov/api/v1"
  },
  "qi_1": 0.0,
  "qi_2": 0.019452401933575992,
  "rpve_csf": 23.07418997372511,
  "rpve_gm": 12.655469395720452,
  "rpve_wm": 47.23998924164192,
  "size_x": 204,
  "size_y": 256,
  "size_z": 256,
  "snr_csf": 7.357312597050003,
  "snr_gm": 10.561734512945879,
  "snr_total": 6.1262426238608825,
  "snr_wm": 0.45968076158676485,
  "snrd_csf": 83.20731315805564,
  "snrd_gm": 54.67580446369297,
  "snrd_total": 55.19961423658251,
  "snrd_wm": 27.715725087998926,
  "spacing_x": 1.0,
  "spacing_y": 1.0,
  "spacing_z": 1.0,
  "summary_bg_k": 3.1113538940851697,
  "summary_bg_mad": 23.789203336357247,
  "summary_bg_mean": 19.242041610581094,
  "summary_bg_median": 16.045573815703392,
  "summary_bg_n": 3569631.0,
  "summary_bg_p05": 0.0,
  "summary_bg_p95": 61.90363389253616,
  "summary_bg_stdv": 21.85807510418751,
  "summary_csf_k": 0.9939341841904019,
  "summary_csf_mad": 351.3482338908147,
  "summary_csf_mean": 3085.9657064112575,
  "summary_csf_median": 3021.410032764077,
  "summary_csf_n": 8636.0,
  "summary_csf_p05": 2527.652597092092,
  "summary_csf_p95": 3843.1522894203663,
  "summary_csf_stdv": 410.6438399541314,
  "summary_gm_k": 0.0462451316863044,
  "summary_gm_mad": 191.08783153316546,
  "summary_gm_mean": 1993.4066959603892,
  "summary_gm_median": 1985.3786630779505,
  "summary_gm_n": 245868.0,
  "summary_gm_p05": 1698.5853935725988,
  "summary_gm_p95": 2309.0102914027866,
  "summary_gm_stdv": 187.97808476925454,
  "summary_wm_k": -1.6549635661775521,
  "summary_wm_mad": 1327.690922298944,
  "summary_wm_mean": 2329.8357480172863,
  "summary_wm_median": 1006.4087718725204,
  "summary_wm_n": 36016.0,
  "summary_wm_p05": 109.06717704609036,
  "summary_wm_p95": 5663.138114705682,
  "summary_wm_stdv": 2189.3341731588,
  "tpm_overlap_csf": 0.11486474270010585,
  "tpm_overlap_gm": 0.3769892332954231,
  "tpm_overlap_wm": 0.032466314398119596,
  "wm2max": 0.17993549482261076
}