{
  "bids_meta": {
    "AcquisitionMatrixPE": 256,
    "AcquisitionNumber": 1,
    "AcquisitionTime": "09:08:8.000000",
    "BodyPartExamined": "BRAIN",
    "CoilString": "32Ch Head",
    "ConversionSoftware": "dcm2niix",
    "ConversionSoftwareVersion": "v1.0.20211006",
    "Dcm2bidsVersion": "2.1.6",
    "DeviceSerialNumber": "000301496mr3T5mr",
    "EchoTime": 0.00292,
    "FlipAngle": 8,
    "ImageOrientationPatientDICOM": [
      0,
      1,
      0,
      0,
      0,
      -1
    ],
    "ImageType": [
      "ORIGINAL",
      "PRIMARY",
      "OTHER"
    ],
    "ImagingFrequency": 127.824,
    "InPlanePhaseEncodingDirectionDICOM": "ROW",
    "InstitutionName": "NIH FMRIF",
    "InversionTime": 1.06,
    "MRAcquisitionType": "3D",
    "MagneticFieldStrength": 3,
    "Manufacturer": "GE",
    "ManufacturersModelName": "DISCOVERY MR750",
    "Modality": "MR",
    "ParallelReductionFactorInPlane": 2,
    "ParallelReductionOutOfPlane": 2,
    "PatientPosition": "HFS",
    "PercentPhaseFOV": 100,
    "PercentSampling": 100,
    "PixelBandwidth": 244.141,
    "ProcedureStepDescription": "MRI Brain",
    "ProtocolName": "ADNI3 FMRIF Enhanced Pro",
    "ReconMatrixPE": 256,
    "RepetitionTime": 0.006952,
    "SAR": 0.100848,
    "ScanOptions": "EDR_GEMS\\PROMO_GEMS\\FILTERED_GEMS\\ACC_GEMS\\IR_GEMS",
    "ScanningSequence": "RM",
    "SequenceVariant": "NONE",
    "SeriesDescription": "Anat T1w MP-RAGE 1mm (ABCD)",
    "SeriesNumber": 3,
    "SliceThickness": 1,
    "SoftwareVersions": "27\\LX\\MR Software release:DV26.0_R03_1831.b",
    "SpacingBetweenSlices": 1,
    "StationName": "FMRI3ta",
    "acq_id": "MPRAGE",
    "dataset": "ds004215",
    "modality": "T1w",
    "rec_id": "SCIC",
    "session_id": "01",
    "subject_id": "ON42941"
  },
  "cjv": 0.3335008819813949,
  "cnr": 3.908678055382152,
  "efc": 0.6503129861840818,
  "fber": 15382.26326395266,
  "fwhm_avg": 3.33532,
  "fwhm_x": 3.34395,
  "fwhm_y": 3.45032,
  "fwhm_z": 3.21169,
  "icvs_csf": 0.24242593265775908,
  "icvs_gm": 0.4256012045242745,
  "icvs_wm": 0.3319728628179664,
  "inu_med": 0.48503348231315613,
  "inu_range": 0.07594358175992966,
  "provenance": {
    "md5sum": "4be03ea2701b46c1ae6f15e127a783b4",
    "settings": {
      "testing": false
    },
    "software": "mriqc",
    "version": "22.0.6",
    "warnings": {
      "large_rot_frame": true,
      "small_air_mask": false
    },
    "webapi_port": null,
    "webapi_url": "https://mriqc.nimh.nih.gov/api/v1"
  },
  "qi_1": 0.0,
  "qi_2": 0.004172591674063866,
  "rpve_csf": 26.834866493240956,
  "rpve_gm": 15.486014668915411,
  "rpve_wm": 23.548795433793124,
  "size_x": 208,
  "size_y": 256,
  "size_z": 256,
  "snr_csf": 1.66232933579427,
  "snr_gm": 8.390779864250224,
  "snr_total": 10.229054601416534,
  "snr_wm": 20.634054604205108,
  "snrd_csf": 18.281322150227474,
  "snrd_gm": 61.972167062573604,
  "snrd_total": 58.83774516167824,
  "snrd_wm": 96.25974627223367,
  "spacing_x": 1.0,
  "spacing_y": 1.0,
  "spacing_z": 1.0,
  "summary_bg_k": 9.321284777158331,
  "summary_bg_mad": 6.805922705661683,
  "summary_bg_mean": 5.393388530946681,
  "summary_bg_median": 4.590525105595589,
  "summary_bg_n": 906146.0,
  "summary_bg_p05": 0.0,
  "summary_bg_p95": 22.139446794986725,
  "summary_bg_stdv": 8.318600755790989,
  "summary_csf_k": 0.5408164735054704,
  "summary_csf_mad": 98.43308781731268,
  "summary_csf_mean": 218.53755283850427,
  "summary_csf_median": 189.9165815114975,
  "summary_csf_n": 33660.0,
  "summary_csf_p05": 77.72283635213971,
  "summary_csf_p95": 446.6449769884348,
  "summary_csf_stdv": 114.2455687325512,
  "summary_gm_k": 0.33820903358370824,
  "summary_gm_mad": 72.43446308168505,
  "summary_gm_mean": 643.1713563568961,
  "summary_gm_median": 643.8014723807573,
  "summary_gm_n": 22130.0,
  "summary_gm_p05": 515.8792766310274,
  "summary_gm_p95": 771.103291451931,
  "summary_gm_stdv": 76.72551738137508,
  "summary_wm_k": 0.41828807605154283,
  "summary_wm_mad": 46.35805637227843,
  "summary_wm_mean": 999.5788926649425,
  "summary_wm_median": 999.999989002943,
  "summary_wm_n": 179618.0,
  "summary_wm_p05": 919.4952944368124,
  "summary_wm_p95": 1078.4848525226116,
  "summary_wm_stdv": 48.463436997492906,
  "tpm_overlap_csf": 0.1509728915283487,
  "tpm_overlap_gm": 0.4671095802421644,
  "tpm_overlap_wm": 0.5088118098087778,
  "wm2max": 0.6504017879992493
}