{
  "aor": 0.03585666666666666,
  "aqi": 0.001956561,
  "bids_meta": {
    "AcquisitionMatrixPE": 64,
    "AcquisitionNumber": 1,
    "AcquisitionTime": "15:07:22.000000",
    "BodyPartExamined": "BRAIN",
    "CoilString": "32Ch Head",
    "ConversionSoftware": "dcm2niix",
    "ConversionSoftwareVersion": "v1.0.20211006",
    "Dcm2bidsVersion": "2.1.6",
    "DeviceSerialNumber": "000301496MR3T6MR",
    "EchoTime": 0.0169,
    "EffectiveEchoSpacing": 0.000416,
    "FlipAngle": 90,
    "ImageOrientationPatientDICOM": [
      1,
      0,
      0,
      0,
      1,
      0
    ],
    "ImageType": [
      "ORIGINAL",
      "PRIMARY",
      "OTHER"
    ],
    "ImagingFrequency": 127.697,
    "InPlanePhaseEncodingDirectionDICOM": "COL",
    "InstitutionName": "NIH FMRIF",
    "InternalPulseSequenceName": "EPI",
    "MRAcquisitionType": "2D",
    "MagneticFieldStrength": 3,
    "Manufacturer": "GE",
    "ManufacturersModelName": "DISCOVERY MR750",
    "Modality": "MR",
    "PatientPosition": "HFS",
    "PercentPhaseFOV": 100,
    "PercentSampling": 100,
    "PhaseEncodingDirection": "j-",
    "PhaseEncodingPolarityGE": "Unflipped",
    "PixelBandwidth": 7812.5,
    "ProcedureStepDescription": "MRI Brain",
    "ProtocolName": "ADNI3 FMRIF Enhanced Pro",
    "PulseSequenceName": "epi",
    "ReconMatrixPE": 64,
    "RepetitionTime": 3,
    "SAR": 0.199568,
    "ScanOptions": "MP_GEMS\\EPI_GEMS\\PFF",
    "ScanningSequence": "EP\\GR",
    "SequenceVariant": "SS",
    "SeriesDescription": "Axial rsfMRI reverse blip - RKV",
    "SeriesNumber": 12,
    "SliceThickness": 3.4,
    "SliceTiming": [
      0,
      1.5,
      0.0625,
      1.5625,
      0.125,
      1.625,
      0.1875,
      1.6875,
      0.25,
      1.75,
      0.3125,
      1.8125,
      0.375,
      1.875,
      0.4375,
      1.9375,
      0.5,
      2,
      0.5625,
      2.0625,
      0.625,
      2.125,
      0.6875,
      2.1875,
      0.75,
      2.25,
      0.8125,
      2.3125,
      0.875,
      2.375,
      0.9375,
      2.4375,
      1,
      2.5,
      1.0625,
      2.5625,
      1.125,
      2.625,
      1.1875,
      2.6875,
      1.25,
      2.75,
      1.3125,
      2.8125,
      1.375,
      2.875,
      1.4375,
      2.9375
    ],
    "SoftwareVersions": "27\\LX\\MR Software release:DV26.0_R01_1725.a",
    "SpacingBetweenSlices": 3.4,
    "StationName": "fmrif3tb",
    "TaskName": "Resting state with reverse blip.",
    "TotalReadoutTime": 0.026208,
    "TriggerDelayTime": 29938,
    "dataset": "ds004215",
    "modality": "bold",
    "session_id": "01",
    "subject_id": "ON22662",
    "task_id": "rest"
  },
  "dummy_trs": 1,
  "dvars_nstd": 16.184659361250002,
  "dvars_std": 1.4202484499999999,
  "dvars_vstd": 1.37549211,
  "efc": 0.5129954350446532,
  "fber": 3399.272216796875,
  "fd_mean": 0.1673946248717493,
  "fd_num": 2,
  "fd_perc": 22.22222222222222,
  "fwhm_avg": 2.6797137272071097,
  "fwhm_x": 2.4190109090909093,
  "fwhm_y": 2.628866909090909,
  "fwhm_z": 2.9912633634395087,
  "gcor": 0.0493122,
  "gsr_x": 0.004208838567137718,
  "gsr_y": 0.07125891000032425,
  "provenance": {
    "md5sum": "123dc9491069fa3381d6e8937d57b842",
    "settings": {
      "fd_thres": 0.2,
      "testing": false
    },
    "software": "mriqc",
    "version": "22.0.6",
    "webapi_port": null,
    "webapi_url": "https://mriqc.nimh.nih.gov/api/v1"
  },
  "size_t": 9,
  "size_x": 64,
  "size_y": 64,
  "size_z": 48,
  "snr": 4.2283404355069285,
  "spacing_tr": 3.0,
  "spacing_x": 3.4375,
  "spacing_y": 3.4375,
  "spacing_z": 3.4000015258789062,
  "summary_bg_k": 39.20212213816447,
  "summary_bg_mad": 20.26223220480277,
  "summary_bg_mean": 186.2653350830078,
  "summary_bg_median": 42.66666793823242,
  "summary_bg_n": 126074.0,
  "summary_bg_p05": 25.55555534362793,
  "summary_bg_p95": 844.3333129882812,
  "summary_bg_stdv": 350.5293273925781,
  "summary_fg_k": 0.7317807730210681,
  "summary_fg_mad": 523.9350098983393,
  "summary_fg_mean": 2490.606689453125,
  "summary_fg_median": 2438.5,
  "summary_fg_n": 30864.0,
  "summary_fg_p05": 1588.9222412109375,
  "summary_fg_p95": 3500.9333496093745,
  "summary_fg_stdv": 576.6944580078125,
  "tsnr": 145.7149639762938
}