{
  "aor": 0.001361161616161616,
  "aqi": 0.001710381,
  "bids_meta": {
    "AcquisitionMatrixPE": 64,
    "AcquisitionNumber": 1,
    "AcquisitionTime": "15:44:36.000000",
    "BodyPartExamined": "BRAIN",
    "CoilString": "32Ch Head",
    "ConversionSoftware": "dcm2niix",
    "ConversionSoftwareVersion": "v1.0.20211006",
    "Dcm2bidsVersion": "2.1.6",
    "DeviceSerialNumber": "000301496MR3T6MR",
    "EchoTime": 0.0169,
    "EffectiveEchoSpacing": 0.000416,
    "FlipAngle": 90,
    "ImageOrientationPatientDICOM": [
      1,
      0,
      0,
      0,
      1,
      0
    ],
    "ImageType": [
      "ORIGINAL",
      "PRIMARY",
      "OTHER"
    ],
    "ImagingFrequency": 127.697,
    "InPlanePhaseEncodingDirectionDICOM": "COL",
    "InstitutionName": "NIH FMRIF",
    "InternalPulseSequenceName": "EPI",
    "MRAcquisitionType": "2D",
    "MagneticFieldStrength": 3,
    "Manufacturer": "GE",
    "ManufacturersModelName": "DISCOVERY MR750",
    "Modality": "MR",
    "PatientPosition": "HFS",
    "PercentPhaseFOV": 100,
    "PercentSampling": 100,
    "PhaseEncodingDirection": "j",
    "PhaseEncodingPolarityGE": "Flipped",
    "PixelBandwidth": 7812.5,
    "ProcedureStepDescription": "MRI Brain",
    "ProtocolName": "ADNI3 FMRIF Enhanced Pro",
    "PulseSequenceName": "epi",
    "ReconMatrixPE": 64,
    "RepetitionTime": 3,
    "SAR": 0.148679,
    "ScanOptions": "MP_GEMS\\EPI_GEMS\\PFF",
    "ScanningSequence": "EP\\GR",
    "SequenceVariant": "SS",
    "SeriesDescription": "Axial rsfMRI with Eyes Open - RKV",
    "SeriesNumber": 10,
    "SliceThickness": 3.4,
    "SliceTiming": [
      0,
      1.5,
      0.0625,
      1.5625,
      0.125,
      1.625,
      0.1875,
      1.6875,
      0.25,
      1.75,
      0.3125,
      1.8125,
      0.375,
      1.875,
      0.4375,
      1.9375,
      0.5,
      2,
      0.5625,
      2.0625,
      0.625,
      2.125,
      0.6875,
      2.1875,
      0.75,
      2.25,
      0.8125,
      2.3125,
      0.875,
      2.375,
      0.9375,
      2.4375,
      1,
      2.5,
      1.0625,
      2.5625,
      1.125,
      2.625,
      1.1875,
      2.6875,
      1.25,
      2.75,
      1.3125,
      2.8125,
      1.375,
      2.875,
      1.4375,
      2.9375
    ],
    "SoftwareVersions": "27\\LX\\MR Software release:DV26.0_R03_1831.b",
    "SpacingBetweenSlices": 3.4,
    "StationName": "FMRI3tb",
    "TaskName": "Resting state with eyes open.",
    "TotalReadoutTime": 0.026208,
    "TriggerDelayTime": 599938,
    "dataset": "ds004215",
    "modality": "bold",
    "session_id": "01",
    "subject_id": "ON26105",
    "task_id": "rest"
  },
  "dummy_trs": 2,
  "dvars_nstd": 11.281731988527925,
  "dvars_std": 1.2108110344670047,
  "dvars_vstd": 0.9425095195431469,
  "efc": 0.4396580568769048,
  "fber": 5689.54736328125,
  "fd_mean": 0.05066394273945704,
  "fd_num": 4,
  "fd_perc": 2.0202020202020203,
  "fwhm_avg": 2.6179022634240634,
  "fwhm_x": 2.690935272727273,
  "fwhm_y": 2.4000843636363633,
  "fwhm_z": 2.7626871539085527,
  "gcor": 0.0351939,
  "gsr_x": -0.009409073740243912,
  "gsr_y": 0.028975440189242363,
  "provenance": {
    "md5sum": "5ebe795a55de328b242c3ee784a91265",
    "settings": {
      "fd_thres": 0.2,
      "testing": false
    },
    "software": "mriqc",
    "version": "22.0.6",
    "webapi_port": null,
    "webapi_url": "https://mriqc.nimh.nih.gov/api/v1"
  },
  "size_t": 198,
  "size_x": 64,
  "size_y": 64,
  "size_z": 48,
  "snr": 4.325894390979764,
  "spacing_tr": 3.0,
  "spacing_x": 3.4375,
  "spacing_y": 3.4375,
  "spacing_z": 3.3999977111816406,
  "summary_bg_k": 30.187786301682955,
  "summary_bg_mad": 7.787408534246085,
  "summary_bg_mean": 107.61153411865234,
  "summary_bg_median": 32.161617279052734,
  "summary_bg_n": 136778.0,
  "summary_bg_p05": 23.858585357666016,
  "summary_bg_p95": 520.4568084716796,
  "summary_bg_stdv": 208.96197509765625,
  "summary_fg_k": 1.7801694452065862,
  "summary_fg_mad": 497.802516961733,
  "summary_fg_mean": 2497.356689453125,
  "summary_fg_median": 2421.55810546875,
  "summary_fg_n": 24086.0,
  "summary_fg_p05": 1721.3144226074219,
  "summary_fg_p95": 3518.970947265625,
  "summary_fg_stdv": 559.7704467773438,
  "tsnr": 126.34128043055534
}