{
  "bids_meta": {
    "AcquisitionMatrixPE": 256,
    "AcquisitionNumber": 1,
    "AcquisitionTime": "15:43:28.000000",
    "BodyPartExamined": "BRAIN",
    "CoilString": "32Ch Head",
    "ConversionSoftware": "dcm2niix",
    "ConversionSoftwareVersion": "v1.0.20211006",
    "Dcm2bidsVersion": "2.1.6",
    "DeviceSerialNumber": "000301496MR3T6MR",
    "EchoTime": 0.00294,
    "FlipAngle": 8,
    "ImageOrientationPatientDICOM": [
      0,
      1,
      0,
      0,
      0,
      -1
    ],
    "ImageType": [
      "ORIGINAL",
      "PRIMARY",
      "OTHER"
    ],
    "ImagingFrequency": 127.697,
    "InPlanePhaseEncodingDirectionDICOM": "ROW",
    "InstitutionName": "NIH FMRIF",
    "InversionTime": 1.06,
    "MRAcquisitionType": "3D",
    "MagneticFieldStrength": 3,
    "Manufacturer": "GE",
    "ManufacturersModelName": "DISCOVERY MR750",
    "Modality": "MR",
    "ParallelReductionFactorInPlane": 2,
    "ParallelReductionOutOfPlane": 2,
    "PatientPosition": "HFS",
    "PercentPhaseFOV": 100,
    "PercentSampling": 100,
    "PixelBandwidth": 244.141,
    "ProcedureStepDescription": "MRI Brain",
    "ProtocolName": "ADNI3 FMRIF Enhanced Pro",
    "ReconMatrixPE": 256,
    "RepetitionTime": 0.00668,
    "SAR": 0.0679437,
    "ScanOptions": "EDR_GEMS\\FILTERED_GEMS\\ACC_GEMS\\IR_GEMS",
    "ScanningSequence": "RM",
    "SequenceVariant": "NONE",
    "SeriesDescription": "Sag_MPRAGE_T1",
    "SeriesNumber": 3,
    "SliceThickness": 1,
    "SoftwareVersions": "27\\LX\\MR Software release:DV26.0_R01_1725.a",
    "SpacingBetweenSlices": 1,
    "StationName": "fmrif3tb",
    "acq_id": "SagittalMPRAGE",
    "dataset": "ds004215",
    "modality": "T1w",
    "rec_id": "SCIC",
    "session_id": "01",
    "subject_id": "ON82948"
  },
  "cjv": 0.32833125825444504,
  "cnr": 4.0025063476397875,
  "efc": 0.6815291184035538,
  "fber": 6304.583663955565,
  "fwhm_avg": 3.3201300000000002,
  "fwhm_x": 3.26474,
  "fwhm_y": 3.4913,
  "fwhm_z": 3.20435,
  "icvs_csf": 0.19768329202866514,
  "icvs_gm": 0.4547161596460303,
  "icvs_wm": 0.34760054832530457,
  "inu_med": 0.5048894286155701,
  "inu_range": 0.0995240047574043,
  "provenance": {
    "md5sum": "a0849e597a3bdbdb2d7be5b668782b6f",
    "settings": {
      "testing": false
    },
    "software": "mriqc",
    "version": "22.0.6",
    "warnings": {
      "large_rot_frame": true,
      "small_air_mask": false
    },
    "webapi_port": null,
    "webapi_url": "https://mriqc.nimh.nih.gov/api/v1"
  },
  "qi_1": 0.0,
  "qi_2": 0.002798824214389155,
  "rpve_csf": 28.318972546887743,
  "rpve_gm": 13.506434402390838,
  "rpve_wm": 20.15287514403598,
  "size_x": 208,
  "size_y": 256,
  "size_z": 256,
  "snr_csf": 1.5671502483297837,
  "snr_gm": 9.234772637603168,
  "snr_total": 10.32782909956085,
  "snr_wm": 20.181564412749598,
  "snrd_csf": 10.533830217858403,
  "snrd_gm": 39.33535740179042,
  "snrd_total": 36.73224092520281,
  "snrd_wm": 60.3275351559596,
  "spacing_x": 1.0,
  "spacing_y": 1.0,
  "spacing_z": 1.0,
  "summary_bg_k": 6.712420336237303,
  "summary_bg_mad": 0.0,
  "summary_bg_mean": 6.398962016375318,
  "summary_bg_median": 0.0,
  "summary_bg_n": 797165.0,
  "summary_bg_p05": 0.0,
  "summary_bg_p95": 30.676833920180798,
  "summary_bg_stdv": 10.859658188865762,
  "summary_csf_k": 2.138136070214035,
  "summary_csf_mad": 82.1897731635717,
  "summary_csf_mean": 204.52918075065773,
  "summary_csf_median": 174.6106544919312,
  "summary_csf_n": 29250.0,
  "summary_csf_p05": 79.34171536937356,
  "summary_csf_p95": 438.0913902824744,
  "summary_csf_stdv": 111.4173129570684,
  "summary_gm_k": 0.35777951400632624,
  "summary_gm_mad": 66.45455636831541,
  "summary_gm_mean": 652.2182598382246,
  "summary_gm_median": 652.0299225021154,
  "summary_gm_n": 42756.0,
  "summary_gm_p05": 535.6596199320629,
  "summary_gm_p95": 769.7544806962833,
  "summary_gm_stdv": 70.60512727641674,
  "summary_wm_k": 0.344765552009318,
  "summary_wm_mad": 47.79490260972438,
  "summary_wm_mean": 999.674062542642,
  "summary_wm_median": 1000.0000170506537,
  "summary_wm_n": 214808.0,
  "summary_wm_p05": 918.1264324709773,
  "summary_wm_p95": 1080.3132636286318,
  "summary_wm_stdv": 49.55005810927679,
  "tpm_overlap_csf": 0.15196295376264551,
  "tpm_overlap_gm": 0.4662793011716546,
  "tpm_overlap_wm": 0.5073061890172182,
  "wm2max": 0.6038363080423808
}