{
  "aor": 0.0013741206030150755,
  "aqi": 0.0017943108793969848,
  "bids_meta": {
    "AcquisitionMatrixPE": 64,
    "AcquisitionNumber": 1,
    "AcquisitionTime": "15:37:35.000000",
    "BodyPartExamined": "BRAIN",
    "CoilString": "32Ch Head",
    "ConversionSoftware": "dcm2niix",
    "ConversionSoftwareVersion": "v1.0.20211006",
    "Dcm2bidsVersion": "2.1.6",
    "DeviceSerialNumber": "000301496MR3T6MR",
    "EchoTime": 0.0169,
    "EffectiveEchoSpacing": 0.000416,
    "FlipAngle": 90,
    "ImageOrientationPatientDICOM": [
      1,
      0,
      0,
      0,
      1,
      0
    ],
    "ImageType": [
      "ORIGINAL",
      "PRIMARY",
      "OTHER"
    ],
    "ImagingFrequency": 127.697,
    "InPlanePhaseEncodingDirectionDICOM": "COL",
    "InstitutionName": "NIH FMRIF",
    "InternalPulseSequenceName": "EPI",
    "MRAcquisitionType": "2D",
    "MagneticFieldStrength": 3,
    "Manufacturer": "GE",
    "ManufacturersModelName": "DISCOVERY MR750",
    "Modality": "MR",
    "PatientPosition": "HFS",
    "PercentPhaseFOV": 100,
    "PercentSampling": 100,
    "PhaseEncodingDirection": "j",
    "PhaseEncodingPolarityGE": "Flipped",
    "PixelBandwidth": 7812.5,
    "ProcedureStepDescription": "MRI Brain",
    "ProtocolName": "ADNI3 FMRIF Enhanced Pro",
    "PulseSequenceName": "epi",
    "ReconMatrixPE": 64,
    "RepetitionTime": 3,
    "SAR": 0.155627,
    "ScanOptions": "MP_GEMS\\EPI_GEMS\\PFF",
    "ScanningSequence": "EP\\GR",
    "SequenceVariant": "SS",
    "SeriesDescription": "Axial rsfMRI with Eyes Open - RKV",
    "SeriesNumber": 10,
    "SliceThickness": 3.4,
    "SliceTiming": [
      0,
      1.5,
      0.0625,
      1.5625,
      0.125,
      1.625,
      0.1875,
      1.6875,
      0.25,
      1.75,
      0.3125,
      1.8125,
      0.375,
      1.875,
      0.4375,
      1.9375,
      0.5,
      2,
      0.5625,
      2.0625,
      0.625,
      2.125,
      0.6875,
      2.1875,
      0.75,
      2.25,
      0.8125,
      2.3125,
      0.875,
      2.375,
      0.9375,
      2.4375,
      1,
      2.5,
      1.0625,
      2.5625,
      1.125,
      2.625,
      1.1875,
      2.6875,
      1.25,
      2.75,
      1.3125,
      2.8125,
      1.375,
      2.875,
      1.4375,
      2.9375
    ],
    "SoftwareVersions": "27\\LX\\MR Software release:DV26.0_R03_1831.b",
    "SpacingBetweenSlices": 3.4,
    "StationName": "FMRI3tb",
    "TaskName": "Resting state with eyes open.",
    "TotalReadoutTime": 0.026208,
    "TriggerDelayTime": 599938,
    "dataset": "ds004215",
    "modality": "bold",
    "session_id": "01",
    "subject_id": "ON05530",
    "task_id": "rest"
  },
  "dummy_trs": 1,
  "dvars_nstd": 11.397285877828276,
  "dvars_std": 1.2447219730808077,
  "dvars_vstd": 0.9527796490404042,
  "efc": 0.4959801001336307,
  "fber": 4953.52197265625,
  "fd_mean": 0.04256303186780778,
  "fd_num": 4,
  "fd_perc": 2.0100502512562812,
  "fwhm_avg": 2.859510459591568,
  "fwhm_x": 2.7854312727272728,
  "fwhm_y": 2.6487156363636366,
  "fwhm_z": 3.1443844696837946,
  "gcor": 0.0275529,
  "gsr_x": 0.0055336239747703075,
  "gsr_y": 0.059649039059877396,
  "provenance": {
    "md5sum": "1bdb697f752f97cf32b52b05d34c2f00",
    "settings": {
      "fd_thres": 0.2,
      "testing": false
    },
    "software": "mriqc",
    "version": "22.0.6",
    "webapi_port": null,
    "webapi_url": "https://mriqc.nimh.nih.gov/api/v1"
  },
  "size_t": 199,
  "size_x": 64,
  "size_y": 64,
  "size_z": 48,
  "snr": 3.572627668166401,
  "spacing_tr": 3.0,
  "spacing_x": 3.4375,
  "spacing_y": 3.4375,
  "spacing_z": 3.3999977111816406,
  "summary_bg_k": 15.08892149356586,
  "summary_bg_mad": 12.143924053173809,
  "summary_bg_mean": 155.33917236328125,
  "summary_bg_median": 36.402008056640625,
  "summary_bg_n": 125102.0,
  "summary_bg_p05": 23.869597911834717,
  "summary_bg_p95": 861.757513427734,
  "summary_bg_stdv": 306.396484375,
  "summary_fg_k": 0.5153840394344313,
  "summary_fg_mad": 668.1805143400727,
  "summary_fg_mean": 2663.6181640625,
  "summary_fg_median": 2548.2236328125,
  "summary_fg_n": 33142.0,
  "summary_fg_p05": 1669.9768615722655,
  "summary_fg_p95": 3992.873376464842,
  "summary_fg_stdv": 713.2523803710938,
  "tsnr": 126.37582603213377
}