{
  "aor": 0.04027555555555556,
  "aqi": 0.0006042255555555555,
  "bids_meta": {
    "AcquisitionMatrixPE": 64,
    "AcquisitionNumber": 1,
    "AcquisitionTime": "15:48:50.000000",
    "BodyPartExamined": "BRAIN",
    "CoilString": "32Ch Head",
    "ConversionSoftware": "dcm2niix",
    "ConversionSoftwareVersion": "v1.0.20211006",
    "Dcm2bidsVersion": "2.1.6",
    "DeviceSerialNumber": "000301496MR3T6MR",
    "EchoTime": 0.0169,
    "EffectiveEchoSpacing": 0.000416,
    "FlipAngle": 90,
    "ImageOrientationPatientDICOM": [
      1,
      0,
      0,
      0,
      1,
      0
    ],
    "ImageType": [
      "ORIGINAL",
      "PRIMARY",
      "OTHER"
    ],
    "ImagingFrequency": 127.697,
    "InPlanePhaseEncodingDirectionDICOM": "COL",
    "InstitutionName": "NIH FMRIF",
    "InternalPulseSequenceName": "EPI",
    "MRAcquisitionType": "2D",
    "MagneticFieldStrength": 3,
    "Manufacturer": "GE",
    "ManufacturersModelName": "DISCOVERY MR750",
    "Modality": "MR",
    "PatientPosition": "HFS",
    "PercentPhaseFOV": 100,
    "PercentSampling": 100,
    "PhaseEncodingDirection": "j-",
    "PhaseEncodingPolarityGE": "Unflipped",
    "PixelBandwidth": 7812.5,
    "ProcedureStepDescription": "MRI Brain",
    "ProtocolName": "ADNI3 FMRIF Enhanced Pro",
    "PulseSequenceName": "epi",
    "ReconMatrixPE": 64,
    "RepetitionTime": 3,
    "SAR": 0.155771,
    "ScanOptions": "MP_GEMS\\EPI_GEMS\\PFF",
    "ScanningSequence": "EP\\GR",
    "SequenceVariant": "SS",
    "SeriesDescription": "Axial rsfMRI reverse blip - RKV",
    "SeriesNumber": 11,
    "SliceThickness": 3.4,
    "SliceTiming": [
      0,
      1.5,
      0.0625,
      1.5625,
      0.125,
      1.625,
      0.1875,
      1.6875,
      0.25,
      1.75,
      0.3125,
      1.8125,
      0.375,
      1.875,
      0.4375,
      1.9375,
      0.5,
      2,
      0.5625,
      2.0625,
      0.625,
      2.125,
      0.6875,
      2.1875,
      0.75,
      2.25,
      0.8125,
      2.3125,
      0.875,
      2.375,
      0.9375,
      2.4375,
      1,
      2.5,
      1.0625,
      2.5625,
      1.125,
      2.625,
      1.1875,
      2.6875,
      1.25,
      2.75,
      1.3125,
      2.8125,
      1.375,
      2.875,
      1.4375,
      2.9375
    ],
    "SoftwareVersions": "27\\LX\\MR Software release:DV26.0_R03_1831.b",
    "SpacingBetweenSlices": 3.4,
    "StationName": "FMRI3tb",
    "TaskName": "Resting state with reverse blip.",
    "TotalReadoutTime": 0.026208,
    "TriggerDelayTime": 29938,
    "dataset": "ds004215",
    "modality": "bold",
    "session_id": "01",
    "subject_id": "ON05530",
    "task_id": "rest"
  },
  "dummy_trs": 1,
  "dvars_nstd": 11.50535368875,
  "dvars_std": 1.48196740375,
  "dvars_vstd": 1.3994179949999999,
  "efc": 0.49941870870995847,
  "fber": 4831.5537109375,
  "fd_mean": 0.03439967363224994,
  "fd_num": 0,
  "fd_perc": 0.0,
  "fwhm_avg": 2.882894315708706,
  "fwhm_x": 2.8561396363636367,
  "fwhm_y": 2.6538647272727274,
  "fwhm_z": 3.138678583489755,
  "gcor": 0.0158706,
  "gsr_x": 0.006147012580186129,
  "gsr_y": 0.06548214703798294,
  "provenance": {
    "md5sum": "1b39775f655eb0f1a0539b7648b88c0f",
    "settings": {
      "fd_thres": 0.2,
      "testing": false
    },
    "software": "mriqc",
    "version": "22.0.6",
    "webapi_port": null,
    "webapi_url": "https://mriqc.nimh.nih.gov/api/v1"
  },
  "size_t": 9,
  "size_x": 64,
  "size_y": 64,
  "size_z": 48,
  "snr": 3.581491246254539,
  "spacing_tr": 3.0,
  "spacing_x": 3.4375,
  "spacing_y": 3.4375,
  "spacing_z": 3.3999977111816406,
  "summary_bg_k": 23.25448017026832,
  "summary_bg_mad": 12.519752381585008,
  "summary_bg_mean": 159.96160888671875,
  "summary_bg_median": 36.66666793823242,
  "summary_bg_n": 124766.0,
  "summary_bg_p05": 24.33333396911621,
  "summary_bg_p95": 873.9444427490234,
  "summary_bg_stdv": 322.05804443359375,
  "summary_fg_k": 5.656028307576943,
  "summary_fg_mad": 592.6291539980538,
  "summary_fg_mean": 2653.65966796875,
  "summary_fg_median": 2529.9443359375,
  "summary_fg_n": 33418.0,
  "summary_fg_p05": 1762.0610961914062,
  "summary_fg_p95": 3870.3832763671867,
  "summary_fg_stdv": 706.383544921875,
  "tsnr": 219.25426879897714
}