{
  "aor": 0.004208585858585859,
  "aqi": 0.0014667684141414141,
  "bids_meta": {
    "AcquisitionMatrixPE": 64,
    "AcquisitionNumber": 1,
    "AcquisitionTime": "15:57:14.000000",
    "BodyPartExamined": "BRAIN",
    "CoilString": "32Ch Head",
    "ConversionSoftware": "dcm2niix",
    "ConversionSoftwareVersion": "v1.0.20211006",
    "Dcm2bidsVersion": "2.1.6",
    "DeviceSerialNumber": "000301496MR3T6MR",
    "EchoTime": 0.0169,
    "EffectiveEchoSpacing": 0.000416,
    "FlipAngle": 75,
    "ImageOrientationPatientDICOM": [
      1,
      0,
      0,
      0,
      1,
      0
    ],
    "ImageType": [
      "ORIGINAL",
      "PRIMARY",
      "OTHER"
    ],
    "ImagingFrequency": 127.697,
    "InPlanePhaseEncodingDirectionDICOM": "COL",
    "InstitutionName": "NIH FMRIF",
    "InternalPulseSequenceName": "EPI",
    "MRAcquisitionType": "2D",
    "MagneticFieldStrength": 3,
    "Manufacturer": "GE",
    "ManufacturersModelName": "DISCOVERY MR750",
    "Modality": "MR",
    "PatientPosition": "HFS",
    "PercentPhaseFOV": 100,
    "PercentSampling": 100,
    "PhaseEncodingDirection": "j",
    "PhaseEncodingPolarityGE": "Flipped",
    "PixelBandwidth": 7812.5,
    "ProcedureStepDescription": "MRI Brain",
    "ProtocolName": "ADNI3 FMRIF Enhanced Pro",
    "PulseSequenceName": "epi",
    "ReconMatrixPE": 64,
    "RepetitionTime": 3,
    "SAR": 0.25582,
    "ScanOptions": "MP_GEMS\\EPI_GEMS\\PFF",
    "ScanningSequence": "EP\\GR",
    "SequenceVariant": "SS",
    "SeriesDescription": "Axial rsfMRI with Eyes Open - RKV",
    "SeriesNumber": 11,
    "SliceThickness": 3.4,
    "SliceTiming": [
      0,
      1.5,
      0.0625,
      1.5625,
      0.125,
      1.625,
      0.1875,
      1.6875,
      0.25,
      1.75,
      0.3125,
      1.8125,
      0.375,
      1.875,
      0.4375,
      1.9375,
      0.5,
      2,
      0.5625,
      2.0625,
      0.625,
      2.125,
      0.6875,
      2.1875,
      0.75,
      2.25,
      0.8125,
      2.3125,
      0.875,
      2.375,
      0.9375,
      2.4375,
      1,
      2.5,
      1.0625,
      2.5625,
      1.125,
      2.625,
      1.1875,
      2.6875,
      1.25,
      2.75,
      1.3125,
      2.8125,
      1.375,
      2.875,
      1.4375,
      2.9375
    ],
    "SoftwareVersions": "27\\LX\\MR Software release:DV26.0_R01_1725.a",
    "SpacingBetweenSlices": 3.4,
    "StationName": "fmrif3tb",
    "TaskName": "Resting state with eyes open.",
    "TotalReadoutTime": 0.026208,
    "TriggerDelayTime": 599938,
    "dataset": "ds004215",
    "modality": "bold",
    "session_id": "01",
    "subject_id": "ON23897",
    "task_id": "rest"
  },
  "dummy_trs": 2,
  "dvars_nstd": 15.653832106243645,
  "dvars_std": 1.2185503457868014,
  "dvars_vstd": 1.0113337459390856,
  "efc": 0.5178853404384616,
  "fber": 3262.134033203125,
  "fd_mean": 0.13393047874566752,
  "fd_num": 34,
  "fd_perc": 17.171717171717173,
  "fwhm_avg": 2.7003464338682406,
  "fwhm_x": 2.6280814545454545,
  "fwhm_y": 2.4869003636363636,
  "fwhm_z": 2.9860574834229037,
  "gcor": 0.0490473,
  "gsr_x": 0.020654406398534775,
  "gsr_y": 0.05631165951490402,
  "provenance": {
    "md5sum": "42d7e024dc22cdc45eaf124025b0304e",
    "settings": {
      "fd_thres": 0.2,
      "testing": false
    },
    "software": "mriqc",
    "version": "22.0.6",
    "webapi_port": null,
    "webapi_url": "https://mriqc.nimh.nih.gov/api/v1"
  },
  "size_t": 198,
  "size_x": 64,
  "size_y": 64,
  "size_z": 48,
  "snr": 4.037544702281757,
  "spacing_tr": 3.0,
  "spacing_x": 3.4375,
  "spacing_y": 3.4375,
  "spacing_z": 3.4000015258789062,
  "summary_bg_k": 15.652580427650214,
  "summary_bg_mad": 26.544568509350462,
  "summary_bg_mean": 212.09925842285156,
  "summary_bg_median": 46.101009368896484,
  "summary_bg_n": 125932.0,
  "summary_bg_p05": 20.42424201965332,
  "summary_bg_p95": 1079.898205566406,
  "summary_bg_stdv": 390.2246398925781,
  "summary_fg_k": 2.2777273064785115,
  "summary_fg_mad": 556.7916975158976,
  "summary_fg_mean": 2630.21533203125,
  "summary_fg_median": 2542.45947265625,
  "summary_fg_n": 32421.0,
  "summary_fg_p05": 1766.0706787109375,
  "summary_fg_p95": 3754.843505859375,
  "summary_fg_stdv": 629.6946411132812,
  "tsnr": 111.47070208750665
}