{
  "aor": 0.005594120603015075,
  "aqi": 0.003239801658291457,
  "bids_meta": {
    "AcquisitionMatrixPE": 64,
    "AcquisitionNumber": 1,
    "AcquisitionTime": "16:23:56.000000",
    "BodyPartExamined": "BRAIN",
    "CoilString": "32Ch Head",
    "ConversionSoftware": "dcm2niix",
    "ConversionSoftwareVersion": "v1.0.20211006",
    "Dcm2bidsVersion": "2.1.6",
    "DeviceSerialNumber": "000301496MR3T6MR",
    "EchoTime": 0.0169,
    "EffectiveEchoSpacing": 0.000416,
    "FlipAngle": 90,
    "ImageOrientationPatientDICOM": [
      1,
      0,
      0,
      0,
      1,
      0
    ],
    "ImageType": [
      "ORIGINAL",
      "PRIMARY",
      "OTHER"
    ],
    "ImagingFrequency": 127.697,
    "InPlanePhaseEncodingDirectionDICOM": "COL",
    "InstitutionName": "NIH FMRIF",
    "InternalPulseSequenceName": "EPI",
    "MRAcquisitionType": "2D",
    "MagneticFieldStrength": 3,
    "Manufacturer": "GE",
    "ManufacturersModelName": "DISCOVERY MR750",
    "Modality": "MR",
    "PatientPosition": "HFS",
    "PercentPhaseFOV": 100,
    "PercentSampling": 100,
    "PhaseEncodingDirection": "j",
    "PhaseEncodingPolarityGE": "Flipped",
    "PixelBandwidth": 7812.5,
    "ProcedureStepDescription": "MRI Brain",
    "ProtocolName": "ADNI3 FMRIF Enhanced Pro",
    "PulseSequenceName": "epi",
    "ReconMatrixPE": 64,
    "RepetitionTime": 3,
    "SAR": 0.19982,
    "ScanOptions": "MP_GEMS\\EPI_GEMS\\PFF",
    "ScanningSequence": "EP\\GR",
    "SequenceVariant": "SS",
    "SeriesDescription": "Axial rsfMRI with Eyes Open - RKV",
    "SeriesNumber": 10,
    "SliceThickness": 3.4,
    "SliceTiming": [
      0,
      1.5,
      0.0625,
      1.5625,
      0.125,
      1.625,
      0.1875,
      1.6875,
      0.25,
      1.75,
      0.3125,
      1.8125,
      0.375,
      1.875,
      0.4375,
      1.9375,
      0.5,
      2,
      0.5625,
      2.0625,
      0.625,
      2.125,
      0.6875,
      2.1875,
      0.75,
      2.25,
      0.8125,
      2.3125,
      0.875,
      2.375,
      0.9375,
      2.4375,
      1,
      2.5,
      1.0625,
      2.5625,
      1.125,
      2.625,
      1.1875,
      2.6875,
      1.25,
      2.75,
      1.3125,
      2.8125,
      1.375,
      2.875,
      1.4375,
      2.9375
    ],
    "SoftwareVersions": "27\\LX\\MR Software release:DV26.0_R03_1831.b",
    "SpacingBetweenSlices": 3.4,
    "StationName": "FMRI3tb",
    "TaskName": "Resting state with eyes open.",
    "TotalReadoutTime": 0.026208,
    "TriggerDelayTime": 599938,
    "dataset": "ds004215",
    "modality": "bold",
    "session_id": "01",
    "subject_id": "ON52733",
    "task_id": "rest"
  },
  "dummy_trs": 1,
  "dvars_nstd": 16.612154040707075,
  "dvars_std": 1.2612044305555556,
  "dvars_vstd": 1.0085724662626265,
  "efc": 0.4994029887369604,
  "fber": 3633.37158203125,
  "fd_mean": 0.18500670387637091,
  "fd_num": 62,
  "fd_perc": 31.155778894472363,
  "fwhm_avg": 2.637272086975058,
  "fwhm_x": 2.507930181818182,
  "fwhm_y": 2.577413818181818,
  "fwhm_z": 2.826472260925176,
  "gcor": 0.0485206,
  "gsr_x": -0.010353048332035542,
  "gsr_y": 0.04648112133145332,
  "provenance": {
    "md5sum": "9f5508cb719d94ed402e38f5be5487dd",
    "settings": {
      "fd_thres": 0.2,
      "testing": false
    },
    "software": "mriqc",
    "version": "22.0.6",
    "webapi_port": null,
    "webapi_url": "https://mriqc.nimh.nih.gov/api/v1"
  },
  "size_t": 199,
  "size_x": 64,
  "size_y": 64,
  "size_z": 48,
  "snr": 3.842349010923729,
  "spacing_tr": 3.0,
  "spacing_x": 3.4375,
  "spacing_y": 3.4375,
  "spacing_z": 3.4000015258789062,
  "summary_bg_k": 9.875903604988219,
  "summary_bg_mad": 23.34912422319431,
  "summary_bg_mean": 193.4248809814453,
  "summary_bg_median": 42.47236251831055,
  "summary_bg_n": 130039.0,
  "summary_bg_p05": 19.447235107421875,
  "summary_bg_p95": 1018.8170837402332,
  "summary_bg_stdv": 349.2816162109375,
  "summary_fg_k": 1.5040786782893667,
  "summary_fg_mad": 576.5199714456631,
  "summary_fg_mean": 2585.545654296875,
  "summary_fg_median": 2500.9248046875,
  "summary_fg_n": 28660.0,
  "summary_fg_p05": 1669.0328552246094,
  "summary_fg_p95": 3768.3923339843745,
  "summary_fg_stdv": 650.8729858398438,
  "tsnr": 85.81119582848623
}