{
  "aor": 0.03411111111111111,
  "aqi": 0.0008786391111111112,
  "bids_meta": {
    "AcquisitionMatrixPE": 64,
    "AcquisitionNumber": 1,
    "AcquisitionTime": "16:34:48.000000",
    "BodyPartExamined": "BRAIN",
    "CoilString": "32Ch Head",
    "ConversionSoftware": "dcm2niix",
    "ConversionSoftwareVersion": "v1.0.20211006",
    "Dcm2bidsVersion": "2.1.6",
    "DeviceSerialNumber": "000301496MR3T6MR",
    "EchoTime": 0.0169,
    "EffectiveEchoSpacing": 0.000416,
    "FlipAngle": 90,
    "ImageOrientationPatientDICOM": [
      1,
      0,
      0,
      0,
      1,
      0
    ],
    "ImageType": [
      "ORIGINAL",
      "PRIMARY",
      "OTHER"
    ],
    "ImagingFrequency": 127.697,
    "InPlanePhaseEncodingDirectionDICOM": "COL",
    "InstitutionName": "NIH FMRIF",
    "InternalPulseSequenceName": "EPI",
    "MRAcquisitionType": "2D",
    "MagneticFieldStrength": 3,
    "Manufacturer": "GE",
    "ManufacturersModelName": "DISCOVERY MR750",
    "Modality": "MR",
    "PatientPosition": "HFS",
    "PercentPhaseFOV": 100,
    "PercentSampling": 100,
    "PhaseEncodingDirection": "j",
    "PhaseEncodingPolarityGE": "Flipped",
    "PixelBandwidth": 7812.5,
    "ProcedureStepDescription": "MRI Brain",
    "ProtocolName": "ADNI3 FMRIF Enhanced Pro",
    "PulseSequenceName": "epi",
    "ReconMatrixPE": 64,
    "RepetitionTime": 3,
    "SAR": 0.199501,
    "ScanOptions": "MP_GEMS\\EPI_GEMS\\PFF",
    "ScanningSequence": "EP\\GR",
    "SequenceVariant": "SS",
    "SeriesDescription": "Axial rsfMRI reverse blip - RKV",
    "SeriesNumber": 11,
    "SliceThickness": 3.4,
    "SliceTiming": [
      0,
      1.5,
      0.0625,
      1.5625,
      0.125,
      1.625,
      0.1875,
      1.6875,
      0.25,
      1.75,
      0.3125,
      1.8125,
      0.375,
      1.875,
      0.4375,
      1.9375,
      0.5,
      2,
      0.5625,
      2.0625,
      0.625,
      2.125,
      0.6875,
      2.1875,
      0.75,
      2.25,
      0.8125,
      2.3125,
      0.875,
      2.375,
      0.9375,
      2.4375,
      1,
      2.5,
      1.0625,
      2.5625,
      1.125,
      2.625,
      1.1875,
      2.6875,
      1.25,
      2.75,
      1.3125,
      2.8125,
      1.375,
      2.875,
      1.4375,
      2.9375
    ],
    "SoftwareVersions": "27\\LX\\MR Software release:DV26.0_R03_1831.b",
    "SpacingBetweenSlices": 3.4,
    "StationName": "FMRI3tb",
    "TaskName": "Resting state with reverse blip.",
    "TotalReadoutTime": 0.026208,
    "TriggerDelayTime": 29938,
    "dataset": "ds004215",
    "modality": "bold",
    "session_id": "01",
    "subject_id": "ON52733",
    "task_id": "rest"
  },
  "dummy_trs": 1,
  "dvars_nstd": 13.802251697500001,
  "dvars_std": 1.4284418374999999,
  "dvars_vstd": 1.3457894175,
  "efc": 0.5003973673737632,
  "fber": 3914.422119140625,
  "fd_mean": 0.13212375578789226,
  "fd_num": 2,
  "fd_perc": 22.22222222222222,
  "fwhm_avg": 2.5962928132019747,
  "fwhm_x": 2.4748683636363635,
  "fwhm_y": 2.5520407272727277,
  "fwhm_z": 2.761969348696833,
  "gcor": 0.0288137,
  "gsr_x": -0.011882686987519264,
  "gsr_y": 0.04548416659235954,
  "provenance": {
    "md5sum": "da8693ec1bdca1b66486775d85dd46fa",
    "settings": {
      "fd_thres": 0.2,
      "testing": false
    },
    "software": "mriqc",
    "version": "22.0.6",
    "webapi_port": null,
    "webapi_url": "https://mriqc.nimh.nih.gov/api/v1"
  },
  "size_t": 9,
  "size_x": 64,
  "size_y": 64,
  "size_z": 48,
  "snr": 3.911502643431472,
  "spacing_tr": 3.0,
  "spacing_x": 3.4375,
  "spacing_y": 3.4375,
  "spacing_z": 3.4000015258789062,
  "summary_bg_k": 10.688007410250545,
  "summary_bg_mad": 17.297027767791565,
  "summary_bg_mean": 194.37730407714844,
  "summary_bg_median": 40.66666793823242,
  "summary_bg_n": 129862.0,
  "summary_bg_p05": 25.33333396911621,
  "summary_bg_p95": 1025.3333740234375,
  "summary_bg_stdv": 355.1251220703125,
  "summary_fg_k": 1.216270255898249,
  "summary_fg_mad": 575.4143541418483,
  "summary_fg_mean": 2582.067626953125,
  "summary_fg_median": 2500.22216796875,
  "summary_fg_n": 28682.0,
  "summary_fg_p05": 1670.4500122070312,
  "summary_fg_p95": 3734.994445800781,
  "summary_fg_stdv": 639.1862182617188,
  "tsnr": 183.345746435225
}