{
  "bids_meta": {
    "AcquisitionMatrixPE": 256,
    "AcquisitionNumber": 1,
    "AcquisitionTime": "15:10:24.000000",
    "BodyPartExamined": "BRAIN",
    "CoilString": "32Ch Head",
    "ConversionSoftware": "dcm2niix",
    "ConversionSoftwareVersion": "v1.0.20211006",
    "Dcm2bidsVersion": "2.1.6",
    "DeviceSerialNumber": "000301496MR3T6MR",
    "EchoTime": 0.00292,
    "FlipAngle": 8,
    "ImageOrientationPatientDICOM": [
      0,
      1,
      0,
      0,
      0,
      -1
    ],
    "ImageType": [
      "ORIGINAL",
      "PRIMARY",
      "OTHER"
    ],
    "ImagingFrequency": 127.696,
    "InPlanePhaseEncodingDirectionDICOM": "ROW",
    "InstitutionName": "NIH FMRIF",
    "InversionTime": 1.06,
    "MRAcquisitionType": "3D",
    "MagneticFieldStrength": 3,
    "Manufacturer": "GE",
    "ManufacturersModelName": "DISCOVERY MR750",
    "Modality": "MR",
    "ParallelReductionFactorInPlane": 2,
    "ParallelReductionOutOfPlane": 2,
    "PatientPosition": "HFS",
    "PercentPhaseFOV": 100,
    "PercentSampling": 100,
    "PixelBandwidth": 244.141,
    "ProcedureStepDescription": "MRI Brain",
    "ProtocolName": "ADNI3 FMRIF Enhanced Pro",
    "ReconMatrixPE": 256,
    "RepetitionTime": 0.006952,
    "SAR": 0.0965341,
    "ScanOptions": "EDR_GEMS\\PROMO_GEMS\\FILTERED_GEMS\\ACC_GEMS\\IR_GEMS",
    "ScanningSequence": "RM",
    "SequenceVariant": "NONE",
    "SeriesDescription": "Anat T1w MP-RAGE 1mm (ABCD)",
    "SeriesNumber": 3,
    "SliceThickness": 1,
    "SoftwareVersions": "27\\LX\\MR Software release:DV26.0_R03_1831.b",
    "SpacingBetweenSlices": 1,
    "StationName": "FMRI3tb",
    "acq_id": "MPRAGE",
    "dataset": "ds004215",
    "modality": "T1w",
    "rec_id": "SCIC",
    "session_id": "01",
    "subject_id": "ON54886"
  },
  "cjv": 0.3688329177117316,
  "cnr": 3.5533328822349675,
  "efc": 0.648843936846977,
  "fber": 19281.10971963533,
  "fwhm_avg": 3.48842,
  "fwhm_x": 3.42972,
  "fwhm_y": 3.69233,
  "fwhm_z": 3.34321,
  "icvs_csf": 0.27634440383845416,
  "icvs_gm": 0.39210234338041056,
  "icvs_wm": 0.3315532527811353,
  "inu_med": 0.43981777131557465,
  "inu_range": 0.05245816707611084,
  "provenance": {
    "md5sum": "c2114dcb3c47d834d19ebcea5143aff9",
    "settings": {
      "testing": false
    },
    "software": "mriqc",
    "version": "22.0.6",
    "warnings": {
      "large_rot_frame": true,
      "small_air_mask": false
    },
    "webapi_port": null,
    "webapi_url": "https://mriqc.nimh.nih.gov/api/v1"
  },
  "qi_1": 0.0,
  "qi_2": 0.006286918906931439,
  "rpve_csf": 28.62699661117152,
  "rpve_gm": 19.125630987655022,
  "rpve_wm": 27.297981869806875,
  "size_x": 208,
  "size_y": 256,
  "size_z": 256,
  "snr_csf": 1.9422841348744426,
  "snr_gm": 8.066868020807188,
  "snr_total": 10.169304476279462,
  "snr_wm": 20.49876127315676,
  "snrd_csf": 13.030139854693365,
  "snrd_gm": 57.900987988920654,
  "snrd_total": 52.870824444863466,
  "snrd_wm": 87.68134549097638,
  "spacing_x": 1.0,
  "spacing_y": 1.0,
  "spacing_z": 1.0,
  "summary_bg_k": 6.642870359324931,
  "summary_bg_mad": 0.0,
  "summary_bg_mean": 4.851910459134761,
  "summary_bg_median": 0.0,
  "summary_bg_n": 817266.0,
  "summary_bg_p05": 0.0,
  "summary_bg_p95": 19.446758329868317,
  "summary_bg_stdv": 7.4717879375964245,
  "summary_csf_k": 4.156700149131993,
  "summary_csf_mad": 54.743726219205556,
  "summary_csf_mean": 165.28787917050198,
  "summary_csf_median": 148.60789568629116,
  "summary_csf_n": 48690.0,
  "summary_csf_p05": 76.99925954453647,
  "summary_csf_p95": 322.5494705834425,
  "summary_csf_stdv": 76.51113807109722,
  "summary_gm_k": 0.19429309728011868,
  "summary_gm_mad": 78.65343657340293,
  "summary_gm_mean": 659.2640549742075,
  "summary_gm_median": 660.3569937963039,
  "summary_gm_n": 17163.0,
  "summary_gm_p05": 521.5309976125136,
  "summary_gm_p95": 794.1434886027128,
  "summary_gm_stdv": 81.85800908170852,
  "summary_wm_k": 0.5059049703605774,
  "summary_wm_mad": 46.61809541495286,
  "summary_wm_mean": 999.0796744905927,
  "summary_wm_median": 1000.0000299047679,
  "summary_wm_n": 150296.0,
  "summary_wm_p05": 917.8689869120717,
  "summary_wm_p95": 1076.9992894493043,
  "summary_wm_stdv": 48.78327474549038,
  "tpm_overlap_csf": 0.16373466508190226,
  "tpm_overlap_gm": 0.43632071625693064,
  "tpm_overlap_wm": 0.5015071848287265,
  "wm2max": 0.7312332329366843
}