{
  "bids_meta": {
    "AcquisitionMatrixPE": 256,
    "AcquisitionNumber": 1,
    "AcquisitionTime": "15:10:24.000000",
    "BodyPartExamined": "BRAIN",
    "CoilString": "32Ch Head",
    "ConversionSoftware": "dcm2niix",
    "ConversionSoftwareVersion": "v1.0.20211006",
    "Dcm2bidsVersion": "2.1.6",
    "DeviceSerialNumber": "000301496MR3T6MR",
    "EchoTime": 0.00292,
    "FlipAngle": 8,
    "ImageOrientationPatientDICOM": [
      0,
      1,
      0,
      0,
      0,
      -1
    ],
    "ImageType": [
      "ORIGINAL",
      "PRIMARY",
      "OTHER"
    ],
    "ImagingFrequency": 127.696,
    "InPlanePhaseEncodingDirectionDICOM": "ROW",
    "InstitutionName": "NIH FMRIF",
    "InversionTime": 1.06,
    "MRAcquisitionType": "3D",
    "MagneticFieldStrength": 3,
    "Manufacturer": "GE",
    "ManufacturersModelName": "DISCOVERY MR750",
    "Modality": "MR",
    "ParallelReductionFactorInPlane": 2,
    "ParallelReductionOutOfPlane": 2,
    "PatientPosition": "HFS",
    "PercentPhaseFOV": 100,
    "PercentSampling": 100,
    "PixelBandwidth": 244.141,
    "ProcedureStepDescription": "MRI Brain",
    "ProtocolName": "ADNI3 FMRIF Enhanced Pro",
    "ReconMatrixPE": 256,
    "RepetitionTime": 0.006952,
    "SAR": 0.0965341,
    "ScanOptions": "EDR_GEMS\\PROMO_GEMS\\ACC_GEMS\\IR_GEMS",
    "ScanningSequence": "RM",
    "SequenceVariant": "NONE",
    "SeriesDescription": "ORIG Anat T1w MP-RAGE 1mm (ABCD)",
    "SeriesNumber": 40003,
    "SliceThickness": 1,
    "SoftwareVersions": "27\\LX\\MR Software release:DV26.0_R03_1831.b",
    "SpacingBetweenSlices": 1,
    "StationName": "FMRI3tb",
    "acq_id": "MPRAGE",
    "dataset": "ds004215",
    "modality": "T1w",
    "session_id": "01",
    "subject_id": "ON54886"
  },
  "cjv": 0.37277631567515185,
  "cnr": 3.4946088630998497,
  "efc": 0.38284823462877093,
  "fber": 5000.60162568334,
  "fwhm_avg": 4.028336666666667,
  "fwhm_x": 3.9912,
  "fwhm_y": 4.16553,
  "fwhm_z": 3.92828,
  "icvs_csf": 0.26942050721328215,
  "icvs_gm": 0.38859171649961644,
  "icvs_wm": 0.3419877762871014,
  "inu_med": 0.882923424243927,
  "inu_range": 0.6772242665290831,
  "provenance": {
    "md5sum": "30e323bae25c46cd95851c740318ec05",
    "settings": {
      "testing": false
    },
    "software": "mriqc",
    "version": "22.0.6",
    "warnings": {
      "large_rot_frame": true,
      "small_air_mask": false
    },
    "webapi_port": null,
    "webapi_url": "https://mriqc.nimh.nih.gov/api/v1"
  },
  "qi_1": 0.0,
  "qi_2": 0.001859782944310006,
  "rpve_csf": 29.44620396815916,
  "rpve_gm": 19.284806745065772,
  "rpve_wm": 26.69067499960669,
  "size_x": 208,
  "size_y": 256,
  "size_z": 256,
  "snr_csf": 1.4453015053476685,
  "snr_gm": 6.472689085771492,
  "snr_total": 7.5551544856296,
  "snr_wm": 14.747472865769636,
  "snrd_csf": 5.637602251807108,
  "snrd_gm": 31.69121688725472,
  "snrd_total": 30.11414064668357,
  "snrd_wm": 53.01360280098889,
  "spacing_x": 1.0,
  "spacing_y": 1.0,
  "spacing_z": 1.0,
  "summary_bg_k": 1.9630769148241471,
  "summary_bg_mad": 12.35789212276151,
  "summary_bg_mean": 11.30960684733782,
  "summary_bg_median": 8.335271570831537,
  "summary_bg_n": 3964477.0,
  "summary_bg_p05": 0.0,
  "summary_bg_p95": 32.29433124884963,
  "summary_bg_stdv": 10.928581094116526,
  "summary_csf_k": 4.8269398428869525,
  "summary_csf_mad": 54.432203908163494,
  "summary_csf_mean": 120.24519806194631,
  "summary_csf_median": 106.34255776181817,
  "summary_csf_n": 42526.0,
  "summary_csf_p05": 34.07769167795777,
  "summary_csf_p95": 267.41683478001505,
  "summary_csf_stdv": 73.57724809459498,
  "summary_gm_k": -0.17627611553272127,
  "summary_gm_mad": 94.81089793718657,
  "summary_gm_mean": 593.0324706194652,
  "summary_gm_median": 597.7940464485437,
  "summary_gm_n": 14246.0,
  "summary_gm_p05": 434.0447287866846,
  "summary_gm_p95": 734.3471175665036,
  "summary_gm_stdv": 92.35312511383374,
  "summary_wm_k": 1.9410061775543186,
  "summary_wm_mad": 55.121946724317624,
  "summary_wm_mean": 994.6929950395712,
  "summary_wm_median": 999.9999762699008,
  "summary_wm_n": 151106.0,
  "summary_wm_p05": 869.0489830216393,
  "summary_wm_p95": 1092.1919567137957,
  "summary_wm_stdv": 67.80800184756727,
  "tpm_overlap_csf": 0.16358232355626764,
  "tpm_overlap_gm": 0.4328224785271277,
  "tpm_overlap_wm": 0.4981902568823805,
  "wm2max": 0.5437183811129849
}