{
  "aor": 0.001411105527638191,
  "aqi": 0.0034826566331658294,
  "bids_meta": {
    "AcquisitionMatrixPE": 64,
    "AcquisitionNumber": 1,
    "AcquisitionTime": "16:33:0.000000",
    "BodyPartExamined": "HEAD",
    "CoilString": "32Ch Head",
    "ConversionSoftware": "dcm2niix",
    "ConversionSoftwareVersion": "v1.0.20211006",
    "Dcm2bidsVersion": "2.1.6",
    "DeviceSerialNumber": "000301496MR3T6MR",
    "EchoTime": 0.0169,
    "EffectiveEchoSpacing": 0.000208635,
    "FlipAngle": 90,
    "ImageOrientationPatientDICOM": [
      1,
      0,
      0,
      0,
      1,
      0
    ],
    "ImageType": [
      "ORIGINAL",
      "PRIMARY",
      "EPI",
      "NONE"
    ],
    "ImagingFrequency": 127.697,
    "InPlanePhaseEncodingDirectionDICOM": "COL",
    "InstitutionName": "NIH FMRIF",
    "InternalPulseSequenceName": "EPI",
    "MRAcquisitionType": "2D",
    "MagneticFieldStrength": 3,
    "Manufacturer": "GE",
    "ManufacturersModelName": "DISCOVERY MR750",
    "Modality": "MR",
    "ParallelReductionFactorInPlane": 2,
    "PatientPosition": "HFS",
    "PercentPhaseFOV": 100,
    "PercentSampling": 100,
    "PhaseEncodingDirection": "j-",
    "PhaseEncodingPolarityGE": "Unflipped",
    "PixelBandwidth": 7812.5,
    "ProcedureStepDescription": "MRI Brain",
    "ProtocolName": "ADNI3 FMRIF Enhanced Pro",
    "PulseSequenceName": "epiRT",
    "ReconMatrixPE": 64,
    "RepetitionTime": 3,
    "SAR": 0.187716,
    "ScanOptions": "EPI_GEMS\\ACC_GEMS",
    "ScanningSequence": "EP\\GR",
    "SequenceVariant": "SS",
    "SeriesDescription": "Axial rsfMRI with Eyes Open - RKV",
    "SeriesNumber": 11,
    "SliceThickness": 3.4,
    "SliceTiming": [
      0,
      1.5,
      0.0625,
      1.5625,
      0.125,
      1.625,
      0.1875,
      1.6875,
      0.25,
      1.75,
      0.3125,
      1.8125,
      0.375,
      1.875,
      0.4375,
      1.9375,
      0.5,
      2,
      0.5625,
      2.0625,
      0.625,
      2.125,
      0.6875,
      2.1875,
      0.75,
      2.25,
      0.8125,
      2.3125,
      0.875,
      2.375,
      0.9375,
      2.4375,
      1,
      2.5,
      1.0625,
      2.5625,
      1.125,
      2.625,
      1.1875,
      2.6875,
      1.25,
      2.75,
      1.3125,
      2.8125,
      1.375,
      2.875,
      1.4375,
      2.9375
    ],
    "SoftwareVersions": "27\\LX\\MR Software release:DV26.0_R01_1725.a",
    "SpacingBetweenSlices": 3.4,
    "StationName": "fmrif3tb",
    "TaskName": "Resting state with eyes open.",
    "TotalReadoutTime": 0.013144,
    "dataset": "ds004215",
    "modality": "bold",
    "session_id": "01",
    "subject_id": "ON82948",
    "task_id": "rest"
  },
  "dummy_trs": 1,
  "dvars_nstd": 12.07812213439394,
  "dvars_std": 1.235153477828283,
  "dvars_vstd": 0.9637527645959595,
  "efc": 0.464122626233902,
  "fber": 59728.62109375,
  "fd_mean": 0.09060579138869557,
  "fd_num": 26,
  "fd_perc": 13.06532663316583,
  "fwhm_avg": 2.8344868727345762,
  "fwhm_x": 2.650536727272727,
  "fwhm_y": 2.869216,
  "fwhm_z": 2.983707890931,
  "gcor": 0.0480811,
  "gsr_x": 0.005951947066932917,
  "gsr_y": 0.051429376006126404,
  "provenance": {
    "md5sum": "b42ae6933a88a761f0ea768efd2892ba",
    "settings": {
      "fd_thres": 0.2,
      "testing": false
    },
    "software": "mriqc",
    "version": "22.0.6",
    "webapi_port": null,
    "webapi_url": "https://mriqc.nimh.nih.gov/api/v1"
  },
  "size_t": 199,
  "size_x": 64,
  "size_y": 64,
  "size_z": 48,
  "snr": 4.419286697951394,
  "spacing_tr": 3.0,
  "spacing_x": 3.4375,
  "spacing_y": 3.4375,
  "spacing_z": 3.3999977111816406,
  "summary_bg_k": 18.913404013426153,
  "summary_bg_mad": 16.986598348986277,
  "summary_bg_mean": 135.07826232910156,
  "summary_bg_median": 11.798995018005371,
  "summary_bg_n": 129523.0,
  "summary_bg_p05": 0.10552763938903809,
  "summary_bg_p95": 812.1522460937498,
  "summary_bg_stdv": 323.083740234375,
  "summary_fg_k": 0.2510692504811729,
  "summary_fg_mad": 561.2729857888976,
  "summary_fg_mean": 2691.074462890625,
  "summary_fg_median": 2610.01513671875,
  "summary_fg_n": 29214.0,
  "summary_fg_p05": 1839.4193542480468,
  "summary_fg_p95": 3773.327026367187,
  "summary_fg_stdv": 590.5863647460938,
  "tsnr": 123.37683659791946
}