{
  "aor": 0.04068666666666667,
  "aqi": 0.001686016888888889,
  "bids_meta": {
    "AcquisitionMatrixPE": 64,
    "AcquisitionNumber": 1,
    "AcquisitionTime": "16:44:55.000000",
    "BodyPartExamined": "HEAD",
    "CoilString": "32Ch Head",
    "ConversionSoftware": "dcm2niix",
    "ConversionSoftwareVersion": "v1.0.20211006",
    "Dcm2bidsVersion": "2.1.6",
    "DeviceSerialNumber": "000301496MR3T6MR",
    "EchoTime": 0.0169,
    "EffectiveEchoSpacing": 0.000208635,
    "FlipAngle": 90,
    "ImageOrientationPatientDICOM": [
      1,
      0,
      0,
      0,
      1,
      0
    ],
    "ImageType": [
      "ORIGINAL",
      "PRIMARY",
      "EPI",
      "NONE"
    ],
    "ImagingFrequency": 127.697,
    "InPlanePhaseEncodingDirectionDICOM": "COL",
    "InstitutionName": "NIH FMRIF",
    "InternalPulseSequenceName": "EPI",
    "MRAcquisitionType": "2D",
    "MagneticFieldStrength": 3,
    "Manufacturer": "GE",
    "ManufacturersModelName": "DISCOVERY MR750",
    "Modality": "MR",
    "ParallelReductionFactorInPlane": 2,
    "PatientPosition": "HFS",
    "PercentPhaseFOV": 100,
    "PercentSampling": 100,
    "PhaseEncodingDirection": "j-",
    "PhaseEncodingPolarityGE": "Unflipped",
    "PixelBandwidth": 7812.5,
    "ProcedureStepDescription": "MRI Brain",
    "ProtocolName": "ADNI3 FMRIF Enhanced Pro",
    "PulseSequenceName": "epiRT",
    "ReconMatrixPE": 64,
    "RepetitionTime": 3,
    "SAR": 0.187716,
    "ScanOptions": "EPI_GEMS\\ACC_GEMS",
    "ScanningSequence": "EP\\GR",
    "SequenceVariant": "SS",
    "SeriesDescription": "Axial rsfMRI reverse blip - RKV",
    "SeriesNumber": 12,
    "SliceThickness": 3.4,
    "SliceTiming": [
      0,
      1.5,
      0.0625,
      1.5625,
      0.125,
      1.625,
      0.1875,
      1.6875,
      0.25,
      1.75,
      0.3125,
      1.8125,
      0.375,
      1.875,
      0.4375,
      1.9375,
      0.5,
      2,
      0.5625,
      2.0625,
      0.625,
      2.125,
      0.6875,
      2.1875,
      0.75,
      2.25,
      0.8125,
      2.3125,
      0.875,
      2.375,
      0.9375,
      2.4375,
      1,
      2.5,
      1.0625,
      2.5625,
      1.125,
      2.625,
      1.1875,
      2.6875,
      1.25,
      2.75,
      1.3125,
      2.8125,
      1.375,
      2.875,
      1.4375,
      2.9375
    ],
    "SoftwareVersions": "27\\LX\\MR Software release:DV26.0_R01_1725.a",
    "SpacingBetweenSlices": 3.4,
    "StationName": "fmrif3tb",
    "TaskName": "Resting state with reverse blip.",
    "TotalReadoutTime": 0.013144,
    "dataset": "ds004215",
    "modality": "bold",
    "session_id": "01",
    "subject_id": "ON82948",
    "task_id": "rest"
  },
  "dummy_trs": 1,
  "dvars_nstd": 12.528183340000002,
  "dvars_std": 1.5098889162499998,
  "dvars_vstd": 1.40087571625,
  "efc": 0.4638715132169581,
  "fber": 65714.453125,
  "fd_mean": 0.06658560493641423,
  "fd_num": 1,
  "fd_perc": 11.11111111111111,
  "fwhm_avg": 2.8312831972026076,
  "fwhm_x": 2.656701090909091,
  "fwhm_y": 2.869117090909091,
  "fwhm_z": 2.9680314097896416,
  "gcor": 0.0200457,
  "gsr_x": 0.00551645876839757,
  "gsr_y": 0.05119280889630318,
  "provenance": {
    "md5sum": "d24a1a46d2201459bde5a4447b7a1fe0",
    "settings": {
      "fd_thres": 0.2,
      "testing": false
    },
    "software": "mriqc",
    "version": "22.0.6",
    "webapi_port": null,
    "webapi_url": "https://mriqc.nimh.nih.gov/api/v1"
  },
  "size_t": 9,
  "size_x": 64,
  "size_y": 64,
  "size_z": 48,
  "snr": 4.402951946306692,
  "spacing_tr": 3.0,
  "spacing_x": 3.4375,
  "spacing_y": 3.4375,
  "spacing_z": 3.3999977111816406,
  "summary_bg_k": 18.346418181608612,
  "summary_bg_mad": 16.473357509634305,
  "summary_bg_mean": 134.0286102294922,
  "summary_bg_median": 11.333333015441895,
  "summary_bg_n": 129467.0,
  "summary_bg_p05": 0.0,
  "summary_bg_p95": 811.1111450195312,
  "summary_bg_stdv": 319.1346130371094,
  "summary_fg_k": 0.3103801139492073,
  "summary_fg_mad": 559.7646841667022,
  "summary_fg_mean": 2687.927734375,
  "summary_fg_median": 2605.444580078125,
  "summary_fg_n": 29258.0,
  "summary_fg_p05": 1836.7611511230468,
  "summary_fg_p95": 3765.18332519531,
  "summary_fg_stdv": 591.7393798828125,
  "tsnr": 187.38916112668812
}