{
  "bids_meta": {
    "AcquisitionMatrixPE": 256,
    "AcquisitionNumber": 1,
    "AcquisitionTime": "08:37:1.000000",
    "BodyPartExamined": "BRAIN",
    "CoilString": "32Ch Head",
    "ConversionSoftware": "dcm2niix",
    "ConversionSoftwareVersion": "v1.0.20211006",
    "Dcm2bidsVersion": "2.1.6",
    "DeviceSerialNumber": "000301496mr3T5mr",
    "EchoTime": 0.00292,
    "FlipAngle": 8,
    "ImageOrientationPatientDICOM": [
      0,
      1,
      0,
      0,
      0,
      -1
    ],
    "ImageType": [
      "ORIGINAL",
      "PRIMARY",
      "OTHER"
    ],
    "ImagingFrequency": 127.824,
    "InPlanePhaseEncodingDirectionDICOM": "ROW",
    "InstitutionName": "NIH FMRIF",
    "InversionTime": 1.06,
    "MRAcquisitionType": "3D",
    "MagneticFieldStrength": 3,
    "Manufacturer": "GE",
    "ManufacturersModelName": "DISCOVERY MR750",
    "Modality": "MR",
    "ParallelReductionFactorInPlane": 2,
    "ParallelReductionOutOfPlane": 2,
    "PatientPosition": "HFS",
    "PercentPhaseFOV": 100,
    "PercentSampling": 100,
    "PixelBandwidth": 244.141,
    "ProcedureStepDescription": "MRI Brain",
    "ProtocolName": "ADNI3 FMRIF Enhanced Pro",
    "ReconMatrixPE": 256,
    "RepetitionTime": 0.006952,
    "SAR": 0.108463,
    "ScanOptions": "EDR_GEMS\\PROMO_GEMS\\FILTERED_GEMS\\ACC_GEMS\\IR_GEMS",
    "ScanningSequence": "RM",
    "SequenceVariant": "NONE",
    "SeriesDescription": "Anat T1w MP-RAGE 1mm (ABCD)",
    "SeriesNumber": 3,
    "SliceThickness": 1,
    "SoftwareVersions": "27\\LX\\MR Software release:DV26.0_R03_1831.b",
    "SpacingBetweenSlices": 1,
    "StationName": "FMRI3ta",
    "acq_id": "MPRAGE",
    "dataset": "ds004215",
    "modality": "T1w",
    "rec_id": "SCIC",
    "session_id": "01",
    "subject_id": "ON47254"
  },
  "cjv": 0.35947266163780855,
  "cnr": 3.7739180246479496,
  "efc": 0.6880984625324121,
  "fber": 6390.306703397613,
  "fwhm_avg": 3.6080899999999994,
  "fwhm_x": 3.52419,
  "fwhm_y": 3.7917,
  "fwhm_z": 3.50838,
  "icvs_csf": 0.22164721538249538,
  "icvs_gm": 0.4238926035119179,
  "icvs_wm": 0.35446018110558675,
  "inu_med": 0.44166432321071625,
  "inu_range": 0.07184412479400631,
  "provenance": {
    "md5sum": "938ff9f42ced4fb12856b928389ad6e9",
    "settings": {
      "testing": false
    },
    "software": "mriqc",
    "version": "22.0.6",
    "warnings": {
      "large_rot_frame": true,
      "small_air_mask": false
    },
    "webapi_port": null,
    "webapi_url": "https://mriqc.nimh.nih.gov/api/v1"
  },
  "qi_1": 0.0,
  "qi_2": 0.002250176059581358,
  "rpve_csf": 26.7133247614803,
  "rpve_gm": 14.311549554413043,
  "rpve_wm": 19.91613468298475,
  "size_x": 208,
  "size_y": 256,
  "size_z": 256,
  "snr_csf": 1.7609344572186194,
  "snr_gm": 8.749299860996485,
  "snr_total": 10.004145170786083,
  "snr_wm": 19.502201194143147,
  "snrd_csf": 16.678444946275384,
  "snrd_gm": 70.66705257397582,
  "snrd_total": 65.0847753846295,
  "snrd_wm": 107.90882863363726,
  "spacing_x": 1.0,
  "spacing_y": 1.0,
  "spacing_z": 1.0,
  "summary_bg_k": 5.487676255941928,
  "summary_bg_mad": 6.071202972655915,
  "summary_bg_mean": 7.249485228181997,
  "summary_bg_median": 4.094964176416397,
  "summary_bg_n": 963428.0,
  "summary_bg_p05": 0.0,
  "summary_bg_p95": 33.198459573090076,
  "summary_bg_stdv": 11.46948351889048,
  "summary_csf_k": 4.2147774734869285,
  "summary_csf_mad": 63.49466442235978,
  "summary_csf_mean": 174.99692261139757,
  "summary_csf_median": 154.5605228729546,
  "summary_csf_n": 47518.0,
  "summary_csf_p05": 76.50879943538457,
  "summary_csf_p95": 357.3136553971097,
  "summary_csf_stdv": 87.77095359468753,
  "summary_gm_k": 0.017717556438288096,
  "summary_gm_mad": 74.33609830210249,
  "summary_gm_mean": 655.5008159547584,
  "summary_gm_median": 654.8773959986866,
  "summary_gm_n": 30009.0,
  "summary_gm_p05": 532.3209681473672,
  "summary_gm_p95": 780.2612991146743,
  "summary_gm_stdv": 74.84787296835634,
  "summary_wm_k": 0.32638116643410653,
  "summary_wm_mad": 49.72604339508655,
  "summary_wm_mean": 998.9873821010787,
  "summary_wm_median": 1000.0000017955899,
  "summary_wm_n": 213545.0,
  "summary_wm_p05": 913.4451339952648,
  "summary_wm_p95": 1080.826794706285,
  "summary_wm_stdv": 51.276143159998576,
  "tpm_overlap_csf": 0.14511957824400426,
  "tpm_overlap_gm": 0.46302817403160035,
  "tpm_overlap_wm": 0.515748766092229,
  "wm2max": 0.7210794453488385
}