{
  "aor": 0.00944638190954774,
  "aqi": 0.004594652110552763,
  "bids_meta": {
    "AcquisitionMatrixPE": 64,
    "AcquisitionNumber": 1,
    "AcquisitionTime": "10:50:6.000000",
    "BodyPartExamined": "BRAIN",
    "CoilString": "32Ch Head",
    "ConversionSoftware": "dcm2niix",
    "ConversionSoftwareVersion": "v1.0.20211006",
    "Dcm2bidsVersion": "2.1.6",
    "DeviceSerialNumber": "000301496mr3T5mr",
    "EchoTime": 0.0169,
    "EffectiveEchoSpacing": 0.000416,
    "FlipAngle": 90,
    "ImageOrientationPatientDICOM": [
      1,
      0,
      0,
      0,
      1,
      0
    ],
    "ImageType": [
      "ORIGINAL",
      "PRIMARY",
      "OTHER"
    ],
    "ImagingFrequency": 127.824,
    "InPlanePhaseEncodingDirectionDICOM": "COL",
    "InstitutionName": "NIH FMRIF",
    "InternalPulseSequenceName": "EPI",
    "MRAcquisitionType": "2D",
    "MagneticFieldStrength": 3,
    "Manufacturer": "GE",
    "ManufacturersModelName": "DISCOVERY MR750",
    "Modality": "MR",
    "PatientPosition": "HFS",
    "PercentPhaseFOV": 100,
    "PercentSampling": 100,
    "PhaseEncodingDirection": "j",
    "PhaseEncodingPolarityGE": "Flipped",
    "PixelBandwidth": 7812.5,
    "ProcedureStepDescription": "MRI Brain",
    "ProtocolName": "ADNI3 FMRIF Enhanced Pro",
    "PulseSequenceName": "epi",
    "ReconMatrixPE": 64,
    "RepetitionTime": 3,
    "SAR": 0.15288,
    "ScanOptions": "MP_GEMS\\EPI_GEMS\\PFF",
    "ScanningSequence": "EP\\GR",
    "SequenceVariant": "SS",
    "SeriesDescription": "Axial rsfMRI with Eyes Open - RKV",
    "SeriesNumber": 10,
    "SliceThickness": 3.4,
    "SliceTiming": [
      0,
      1.5,
      0.0625,
      1.5625,
      0.125,
      1.625,
      0.1875,
      1.6875,
      0.25,
      1.75,
      0.3125,
      1.8125,
      0.375,
      1.875,
      0.4375,
      1.9375,
      0.5,
      2,
      0.5625,
      2.0625,
      0.625,
      2.125,
      0.6875,
      2.1875,
      0.75,
      2.25,
      0.8125,
      2.3125,
      0.875,
      2.375,
      0.9375,
      2.4375,
      1,
      2.5,
      1.0625,
      2.5625,
      1.125,
      2.625,
      1.1875,
      2.6875,
      1.25,
      2.75,
      1.3125,
      2.8125,
      1.375,
      2.875,
      1.4375,
      2.9375
    ],
    "SoftwareVersions": "27\\LX\\MR Software release:DV26.0_R03_1831.b",
    "SpacingBetweenSlices": 3.4,
    "StationName": "FMRI3ta",
    "TaskName": "Resting state with eyes open.",
    "TotalReadoutTime": 0.026208,
    "TriggerDelayTime": 599938,
    "dataset": "ds004215",
    "modality": "bold",
    "session_id": "01",
    "subject_id": "ON46717",
    "task_id": "rest"
  },
  "dummy_trs": 1,
  "dvars_nstd": 17.785556672777776,
  "dvars_std": 1.0234775989898985,
  "dvars_vstd": 0.8693319267676771,
  "efc": 0.4493747619108482,
  "fber": 4669.8125,
  "fd_mean": 0.2086961173199705,
  "fd_num": 49,
  "fd_perc": 24.623115577889447,
  "fwhm_avg": 2.9075857958471496,
  "fwhm_x": 2.6815272727272728,
  "fwhm_y": 2.746202181818182,
  "fwhm_z": 3.2950279329959944,
  "gcor": 0.0747134,
  "gsr_x": -0.005104989279061556,
  "gsr_y": 0.02183431200683117,
  "provenance": {
    "md5sum": "3756cbfb3e841c15596d3f59f42d61a2",
    "settings": {
      "fd_thres": 0.2,
      "testing": false
    },
    "software": "mriqc",
    "version": "22.0.6",
    "webapi_port": null,
    "webapi_url": "https://mriqc.nimh.nih.gov/api/v1"
  },
  "size_t": 199,
  "size_x": 64,
  "size_y": 64,
  "size_z": 48,
  "snr": 4.1067062645348535,
  "spacing_tr": 3.0,
  "spacing_x": 3.4375,
  "spacing_y": 3.4375,
  "spacing_z": 3.4000015258789062,
  "summary_bg_k": 24.313428803491863,
  "summary_bg_mad": 11.160492030458705,
  "summary_bg_mean": 107.0414810180664,
  "summary_bg_median": 32.879398345947266,
  "summary_bg_n": 134746.0,
  "summary_bg_p05": 19.061557292938232,
  "summary_bg_p95": 528.4283905029297,
  "summary_bg_stdv": 211.62811279296875,
  "summary_fg_k": 1.9787031690506671,
  "summary_fg_mad": 477.27131764837355,
  "summary_fg_mean": 2355.42333984375,
  "summary_fg_median": 2300.82666015625,
  "summary_fg_n": 24228.0,
  "summary_fg_p05": 1553.0532348632812,
  "summary_fg_p95": 3328.7411743164057,
  "summary_fg_stdv": 560.249267578125,
  "tsnr": 61.534904637606815
}