{
  "bids_meta": {
    "AcquisitionMatrixPE": 256,
    "AcquisitionNumber": 1,
    "AcquisitionTime": "15:05:34.000000",
    "BodyPartExamined": "BRAIN",
    "CoilString": "32Ch Head",
    "ConversionSoftware": "dcm2niix",
    "ConversionSoftwareVersion": "v1.0.20211006",
    "Dcm2bidsVersion": "2.1.6",
    "DeviceSerialNumber": "000301496MR3T6MR",
    "EchoTime": 0.00292,
    "FlipAngle": 8,
    "ImageOrientationPatientDICOM": [
      0,
      1,
      0,
      0,
      0,
      -1
    ],
    "ImageType": [
      "ORIGINAL",
      "PRIMARY",
      "OTHER"
    ],
    "ImagingFrequency": 127.697,
    "InPlanePhaseEncodingDirectionDICOM": "ROW",
    "InstitutionName": "NIH FMRIF",
    "InversionTime": 1.06,
    "MRAcquisitionType": "3D",
    "MagneticFieldStrength": 3,
    "Manufacturer": "GE",
    "ManufacturersModelName": "DISCOVERY MR750",
    "Modality": "MR",
    "ParallelReductionFactorInPlane": 2,
    "ParallelReductionOutOfPlane": 2,
    "PatientPosition": "HFS",
    "PercentPhaseFOV": 100,
    "PercentSampling": 100,
    "PixelBandwidth": 244.141,
    "ProcedureStepDescription": "MRI Brain",
    "ProtocolName": "ADNI3 FMRIF Enhanced Pro",
    "ReconMatrixPE": 256,
    "RepetitionTime": 0.006952,
    "SAR": 0.0945583,
    "ScanOptions": "EDR_GEMS\\PROMO_GEMS\\FILTERED_GEMS\\ACC_GEMS\\IR_GEMS",
    "ScanningSequence": "RM",
    "SequenceVariant": "NONE",
    "SeriesDescription": "Anat T1w MP-RAGE 1mm (ABCD)",
    "SeriesNumber": 3,
    "SliceThickness": 1,
    "SoftwareVersions": "27\\LX\\MR Software release:DV26.0_R01_1725.a",
    "SpacingBetweenSlices": 1,
    "StationName": "fmrif3tb",
    "acq_id": "MPRAGE",
    "dataset": "ds004215",
    "modality": "T1w",
    "rec_id": "SCIC",
    "session_id": "01",
    "subject_id": "ON22299"
  },
  "cjv": 0.35641413750070294,
  "cnr": 3.649062834089328,
  "efc": 0.666540068413829,
  "fber": 17922.875505838827,
  "fwhm_avg": 3.47838,
  "fwhm_x": 3.39952,
  "fwhm_y": 3.5972,
  "fwhm_z": 3.43842,
  "icvs_csf": 0.26269614161076765,
  "icvs_gm": 0.4007558366731041,
  "icvs_wm": 0.3365480217161282,
  "inu_med": 0.4315939247608185,
  "inu_range": 0.06676413118839264,
  "provenance": {
    "md5sum": "9b6d7573f5c5f8ab8f402cd0b1122f39",
    "settings": {
      "testing": false
    },
    "software": "mriqc",
    "version": "22.0.6",
    "warnings": {
      "large_rot_frame": true,
      "small_air_mask": false
    },
    "webapi_port": null,
    "webapi_url": "https://mriqc.nimh.nih.gov/api/v1"
  },
  "qi_1": 0.0,
  "qi_2": 0.004205434157719194,
  "rpve_csf": 24.690227754140736,
  "rpve_gm": 15.671000809091586,
  "rpve_wm": 22.510594802324384,
  "size_x": 208,
  "size_y": 256,
  "size_z": 256,
  "snr_csf": 1.8792840089522702,
  "snr_gm": 7.817183456516622,
  "snr_total": 10.714355514237823,
  "snr_wm": 22.446599077244574,
  "snrd_csf": 16.518242671147917,
  "snrd_gm": 67.13808699723566,
  "snrd_total": 62.16839561681761,
  "snrd_wm": 102.84885718206928,
  "spacing_x": 1.0,
  "spacing_y": 1.0,
  "spacing_z": 1.0,
  "summary_bg_k": 4.935656002878158,
  "summary_bg_mad": 6.369894969397855,
  "summary_bg_mean": 6.709392535742312,
  "summary_bg_median": 4.296428866684437,
  "summary_bg_n": 930605.0,
  "summary_bg_p05": 0.0,
  "summary_bg_p95": 28.758755072951317,
  "summary_bg_stdv": 9.808775413727417,
  "summary_csf_k": 7.461844602452789,
  "summary_csf_mad": 60.27467089540051,
  "summary_csf_mean": 180.43291438012443,
  "summary_csf_median": 160.60696809738874,
  "summary_csf_n": 64443.0,
  "summary_csf_p05": 82.60070757567883,
  "summary_csf_p95": 360.7212138891217,
  "summary_csf_stdv": 85.46112307187614,
  "summary_gm_k": 0.07464548033026519,
  "summary_gm_mad": 81.37264671889746,
  "summary_gm_mean": 652.3068827744615,
  "summary_gm_median": 652.7840043976903,
  "summary_gm_n": 23449.0,
  "summary_gm_p05": 510.3760136038065,
  "summary_gm_p95": 788.8193729534745,
  "summary_gm_stdv": 83.50451139483776,
  "summary_wm_k": 0.578032587368035,
  "summary_wm_mad": 42.38005265767012,
  "summary_wm_mean": 1000.030048100712,
  "summary_wm_median": 1000.0000274330378,
  "summary_wm_n": 193437.0,
  "summary_wm_p05": 927.0600760951638,
  "summary_wm_p95": 1072.4184469431639,
  "summary_wm_stdv": 44.550064763373626,
  "tpm_overlap_csf": 0.15111141599602837,
  "tpm_overlap_gm": 0.4364709327769063,
  "tpm_overlap_wm": 0.48787085979216815,
  "wm2max": 0.6913062301265647
}