{
  "bids_meta": {
    "AcquisitionMatrixPE": 256,
    "AcquisitionNumber": 1,
    "AcquisitionTime": "15:05:34.000000",
    "BodyPartExamined": "BRAIN",
    "CoilString": "32Ch Head",
    "ConversionSoftware": "dcm2niix",
    "ConversionSoftwareVersion": "v1.0.20211006",
    "Dcm2bidsVersion": "2.1.6",
    "DeviceSerialNumber": "000301496MR3T6MR",
    "EchoTime": 0.00292,
    "FlipAngle": 8,
    "ImageOrientationPatientDICOM": [
      0,
      1,
      0,
      0,
      0,
      -1
    ],
    "ImageType": [
      "ORIGINAL",
      "PRIMARY",
      "OTHER"
    ],
    "ImagingFrequency": 127.697,
    "InPlanePhaseEncodingDirectionDICOM": "ROW",
    "InstitutionName": "NIH FMRIF",
    "InversionTime": 1.06,
    "MRAcquisitionType": "3D",
    "MagneticFieldStrength": 3,
    "Manufacturer": "GE",
    "ManufacturersModelName": "DISCOVERY MR750",
    "Modality": "MR",
    "ParallelReductionFactorInPlane": 2,
    "ParallelReductionOutOfPlane": 2,
    "PatientPosition": "HFS",
    "PercentPhaseFOV": 100,
    "PercentSampling": 100,
    "PixelBandwidth": 244.141,
    "ProcedureStepDescription": "MRI Brain",
    "ProtocolName": "ADNI3 FMRIF Enhanced Pro",
    "ReconMatrixPE": 256,
    "RepetitionTime": 0.006952,
    "SAR": 0.0945583,
    "ScanOptions": "EDR_GEMS\\PROMO_GEMS\\ACC_GEMS\\IR_GEMS",
    "ScanningSequence": "RM",
    "SequenceVariant": "NONE",
    "SeriesDescription": "ORIG Anat T1w MP-RAGE 1mm (ABCD)",
    "SeriesNumber": 40003,
    "SliceThickness": 1,
    "SoftwareVersions": "27\\LX\\MR Software release:DV26.0_R01_1725.a",
    "SpacingBetweenSlices": 1,
    "StationName": "fmrif3tb",
    "acq_id": "MPRAGE",
    "dataset": "ds004215",
    "modality": "T1w",
    "session_id": "01",
    "subject_id": "ON22299"
  },
  "cjv": 0.37972681544955383,
  "cnr": 3.45521734198295,
  "efc": 0.4083712093633038,
  "fber": 5882.223062381852,
  "fwhm_avg": 4.00046,
  "fwhm_x": 3.95099,
  "fwhm_y": 4.01173,
  "fwhm_z": 4.03866,
  "icvs_csf": 0.25485150453232464,
  "icvs_gm": 0.4020403635410987,
  "icvs_wm": 0.3431081319265767,
  "inu_med": 0.8483678102493286,
  "inu_range": 0.6222591698169708,
  "provenance": {
    "md5sum": "75ce8dceca6a7c9ca78f2e61a146b9d4",
    "settings": {
      "testing": false
    },
    "software": "mriqc",
    "version": "22.0.6",
    "warnings": {
      "large_rot_frame": true,
      "small_air_mask": false
    },
    "webapi_port": null,
    "webapi_url": "https://mriqc.nimh.nih.gov/api/v1"
  },
  "qi_1": 0.0,
  "qi_2": 0.0019648366394030272,
  "rpve_csf": 25.37844715317662,
  "rpve_gm": 15.6190260410027,
  "rpve_wm": 22.14701589043243,
  "size_x": 208,
  "size_y": 256,
  "size_z": 256,
  "snr_csf": 1.2276236149096966,
  "snr_gm": 7.226495479527849,
  "snr_total": 9.22052856496337,
  "snr_wm": 19.207466600452566,
  "snrd_csf": 5.870423495874351,
  "snrd_gm": 35.58864193144336,
  "snrd_total": 32.293377542425894,
  "snrd_wm": 55.421067199959964,
  "spacing_x": 1.0,
  "spacing_y": 1.0,
  "spacing_z": 1.0,
  "summary_bg_k": 1.9092446715006224,
  "summary_bg_mad": 11.82107122930022,
  "summary_bg_mean": 10.95974391064965,
  "summary_bg_median": 7.9731913805007935,
  "summary_bg_n": 5348140.0,
  "summary_bg_p05": 0.0,
  "summary_bg_p95": 32.085354685783386,
  "summary_bg_stdv": 10.953328236740633,
  "summary_csf_k": 8.204700465450074,
  "summary_csf_mad": 57.67769053909769,
  "summary_csf_mean": 127.25525306371975,
  "summary_csf_median": 105.92404007911682,
  "summary_csf_n": 57563.0,
  "summary_csf_p05": 33.780139327049255,
  "summary_csf_p95": 318.42307161092737,
  "summary_csf_stdv": 86.28305835610729,
  "summary_gm_k": 0.05231976011955641,
  "summary_gm_mad": 87.51590173382891,
  "summary_gm_mean": 639.9145292629978,
  "summary_gm_median": 642.1500487923622,
  "summary_gm_n": 20410.0,
  "summary_gm_p05": 487.5375422179699,
  "summary_gm_p95": 784.1884088635444,
  "summary_gm_stdv": 88.85832962303873,
  "summary_wm_k": 1.4378195895019656,
  "summary_wm_mad": 48.36931077882747,
  "summary_wm_mean": 1001.4476606056522,
  "summary_wm_median": 999.9999740123749,
  "summary_wm_n": 195756.0,
  "summary_wm_p05": 919.6132570505142,
  "summary_wm_p95": 1086.27991938591,
  "summary_wm_stdv": 52.062952424214586,
  "tpm_overlap_csf": 0.15379787331566735,
  "tpm_overlap_gm": 0.43534944209262927,
  "tpm_overlap_wm": 0.48504438467861544,
  "wm2max": 0.5277874491262294
}