{
  "aor": 0.02185839195979899,
  "aqi": 0.0037981310502512564,
  "bids_meta": {
    "AcquisitionMatrixPE": 64,
    "AcquisitionNumber": 1,
    "AcquisitionTime": "16:03:32.000000",
    "BodyPartExamined": "HEAD",
    "CoilString": "32Ch Head",
    "ConversionSoftware": "dcm2niix",
    "ConversionSoftwareVersion": "v1.0.20211006",
    "Dcm2bidsVersion": "2.1.6",
    "DeviceSerialNumber": "000301496MR3T6MR",
    "EchoTime": 0.0169,
    "EffectiveEchoSpacing": 0.000208635,
    "FlipAngle": 90,
    "ImageOrientationPatientDICOM": [
      1,
      0,
      0,
      0,
      1,
      0
    ],
    "ImageType": [
      "ORIGINAL",
      "PRIMARY",
      "EPI",
      "NONE"
    ],
    "ImagingFrequency": 127.697,
    "InPlanePhaseEncodingDirectionDICOM": "COL",
    "InstitutionName": "NIH FMRIF",
    "InternalPulseSequenceName": "EPI",
    "MRAcquisitionType": "2D",
    "MagneticFieldStrength": 3,
    "Manufacturer": "GE",
    "ManufacturersModelName": "DISCOVERY MR750",
    "Modality": "MR",
    "ParallelReductionFactorInPlane": 2,
    "PatientPosition": "HFS",
    "PercentPhaseFOV": 100,
    "PercentSampling": 100,
    "PhaseEncodingDirection": "j-",
    "PhaseEncodingPolarityGE": "Unflipped",
    "PixelBandwidth": 7812.5,
    "ProcedureStepDescription": "MRI BRAIN",
    "ProtocolName": "FMRIF - Clinical 32Ch Br",
    "PulseSequenceName": "epiRT",
    "ReconMatrixPE": 64,
    "RepetitionTime": 3,
    "SAR": 0.181203,
    "ScanOptions": "EPI_GEMS\\ACC_GEMS",
    "ScanningSequence": "EP\\GR",
    "SequenceVariant": "SS",
    "SeriesDescription": "Axial rsfMRI with Eyes Open - RKV",
    "SeriesNumber": 15,
    "SliceThickness": 3.4,
    "SliceTiming": [
      0,
      1.5,
      0.0625,
      1.5625,
      0.125,
      1.625,
      0.1875,
      1.6875,
      0.25,
      1.75,
      0.3125,
      1.8125,
      0.375,
      1.875,
      0.4375,
      1.9375,
      0.5,
      2,
      0.5625,
      2.0625,
      0.625,
      2.125,
      0.6875,
      2.1875,
      0.75,
      2.25,
      0.8125,
      2.3125,
      0.875,
      2.375,
      0.9375,
      2.4375,
      1,
      2.5,
      1.0625,
      2.5625,
      1.125,
      2.625,
      1.1875,
      2.6875,
      1.25,
      2.75,
      1.3125,
      2.8125,
      1.375,
      2.875,
      1.4375,
      2.9375
    ],
    "SoftwareVersions": "27\\LX\\MR Software release:DV26.0_R01_1725.a",
    "SpacingBetweenSlices": 3.4,
    "StationName": "fmrif3tb",
    "TaskName": "Resting state with eyes open.",
    "TotalReadoutTime": 0.013144,
    "dataset": "ds004215",
    "modality": "bold",
    "session_id": "01",
    "subject_id": "ON87538",
    "task_id": "rest"
  },
  "dummy_trs": 1,
  "dvars_nstd": 24.04260271742424,
  "dvars_std": 1.4105699568181813,
  "dvars_vstd": 1.0947824485353537,
  "efc": 0.4162673242960888,
  "fber": 101900.9921875,
  "fd_mean": 0.30674421619848075,
  "fd_num": 86,
  "fd_perc": 43.21608040201005,
  "fwhm_avg": 2.6963817816722577,
  "fwhm_x": 2.512064,
  "fwhm_y": 2.8069119999999996,
  "fwhm_z": 2.7701693450167735,
  "gcor": 0.165225,
  "gsr_x": -0.018000196665525436,
  "gsr_y": 0.029907623305916786,
  "provenance": {
    "md5sum": "bb6ad5503a1ff241b26081b93c2bf1ba",
    "settings": {
      "fd_thres": 0.2,
      "testing": false
    },
    "software": "mriqc",
    "version": "22.0.6",
    "webapi_port": null,
    "webapi_url": "https://mriqc.nimh.nih.gov/api/v1"
  },
  "size_t": 199,
  "size_x": 64,
  "size_y": 64,
  "size_z": 48,
  "snr": 5.154737426665646,
  "spacing_tr": 3.0,
  "spacing_x": 3.4375,
  "spacing_y": 3.4375,
  "spacing_z": 3.4000015258789062,
  "summary_bg_k": 21.320742097798888,
  "summary_bg_mad": 12.08432566059173,
  "summary_bg_mean": 87.63955688476562,
  "summary_bg_median": 8.532663345336914,
  "summary_bg_n": 137129.0,
  "summary_bg_p05": 0.1557788997888565,
  "summary_bg_p95": 514.9366821289059,
  "summary_bg_stdv": 215.68853759765625,
  "summary_fg_k": 0.15295309417976055,
  "summary_fg_mad": 463.11592321242307,
  "summary_fg_mean": 2558.417236328125,
  "summary_fg_median": 2497.442138671875,
  "summary_fg_n": 23137.0,
  "summary_fg_p05": 1858.0271240234374,
  "summary_fg_p95": 3447.204931640625,
  "summary_fg_stdv": 484.48406982421875,
  "tsnr": 65.52310754382052
}