{
  "aor": 0.03693888888888888,
  "aqi": 0.0017322950000000002,
  "bids_meta": {
    "AcquisitionMatrixPE": 64,
    "AcquisitionNumber": 1,
    "AcquisitionTime": "16:14:10.000000",
    "BodyPartExamined": "HEAD",
    "CoilString": "32Ch Head",
    "ConversionSoftware": "dcm2niix",
    "ConversionSoftwareVersion": "v1.0.20211006",
    "Dcm2bidsVersion": "2.1.6",
    "DeviceSerialNumber": "000301496MR3T6MR",
    "EchoTime": 0.0169,
    "EffectiveEchoSpacing": 0.000208635,
    "FlipAngle": 90,
    "ImageOrientationPatientDICOM": [
      1,
      0,
      0,
      0,
      1,
      0
    ],
    "ImageType": [
      "ORIGINAL",
      "PRIMARY",
      "EPI",
      "NONE"
    ],
    "ImagingFrequency": 127.697,
    "InPlanePhaseEncodingDirectionDICOM": "COL",
    "InstitutionName": "NIH FMRIF",
    "InternalPulseSequenceName": "EPI",
    "MRAcquisitionType": "2D",
    "MagneticFieldStrength": 3,
    "Manufacturer": "GE",
    "ManufacturersModelName": "DISCOVERY MR750",
    "Modality": "MR",
    "ParallelReductionFactorInPlane": 2,
    "PatientPosition": "HFS",
    "PercentPhaseFOV": 100,
    "PercentSampling": 100,
    "PhaseEncodingDirection": "j",
    "PhaseEncodingPolarityGE": "Flipped",
    "PixelBandwidth": 7812.5,
    "ProcedureStepDescription": "MRI BRAIN",
    "ProtocolName": "FMRIF - Clinical 32Ch Br",
    "PulseSequenceName": "epiRT",
    "ReconMatrixPE": 64,
    "RepetitionTime": 3,
    "SAR": 0.181455,
    "ScanOptions": "EPI_GEMS\\ACC_GEMS",
    "ScanningSequence": "EP\\GR",
    "SequenceVariant": "SS",
    "SeriesDescription": "Axial rsfMRI reverse blip - RKV",
    "SeriesNumber": 16,
    "SliceThickness": 3.4,
    "SliceTiming": [
      0,
      1.5,
      0.0625,
      1.5625,
      0.125,
      1.625,
      0.1875,
      1.6875,
      0.25,
      1.75,
      0.3125,
      1.8125,
      0.375,
      1.875,
      0.4375,
      1.9375,
      0.5,
      2,
      0.5625,
      2.0625,
      0.625,
      2.125,
      0.6875,
      2.1875,
      0.75,
      2.25,
      0.8125,
      2.3125,
      0.875,
      2.375,
      0.9375,
      2.4375,
      1,
      2.5,
      1.0625,
      2.5625,
      1.125,
      2.625,
      1.1875,
      2.6875,
      1.25,
      2.75,
      1.3125,
      2.8125,
      1.375,
      2.875,
      1.4375,
      2.9375
    ],
    "SoftwareVersions": "27\\LX\\MR Software release:DV26.0_R01_1725.a",
    "SpacingBetweenSlices": 3.4,
    "StationName": "fmrif3tb",
    "TaskName": "Resting state with reverse blip.",
    "TotalReadoutTime": 0.013144,
    "dataset": "ds004215",
    "modality": "bold",
    "session_id": "01",
    "subject_id": "ON87538",
    "task_id": "rest"
  },
  "dummy_trs": 1,
  "dvars_nstd": 15.449549673749999,
  "dvars_std": 1.3890724325,
  "dvars_vstd": 1.3916022937499999,
  "efc": 0.41973493351225794,
  "fber": 96528.3671875,
  "fd_mean": 0.16205409369261942,
  "fd_num": 2,
  "fd_perc": 22.22222222222222,
  "fwhm_avg": 2.7133365782451206,
  "fwhm_x": 2.5143389090909087,
  "fwhm_y": 2.794551272727273,
  "fwhm_z": 2.8311195529171793,
  "gcor": 0.0440776,
  "gsr_x": -0.023812852799892426,
  "gsr_y": 0.02718939445912838,
  "provenance": {
    "md5sum": "e69da22acaae8b8b670b0cc03a49b5f3",
    "settings": {
      "fd_thres": 0.2,
      "testing": false
    },
    "software": "mriqc",
    "version": "22.0.6",
    "webapi_port": null,
    "webapi_url": "https://mriqc.nimh.nih.gov/api/v1"
  },
  "size_t": 9,
  "size_x": 64,
  "size_y": 64,
  "size_z": 48,
  "snr": 4.881129553899321,
  "spacing_tr": 3.0,
  "spacing_x": 3.4375,
  "spacing_y": 3.4375,
  "spacing_z": 3.3999977111816406,
  "summary_bg_k": 17.03082327996119,
  "summary_bg_mad": 13.013953577665097,
  "summary_bg_mean": 110.43083953857422,
  "summary_bg_median": 9.111111640930176,
  "summary_bg_n": 139310.0,
  "summary_bg_p05": 0.1111111119389534,
  "summary_bg_p95": 674.5555419921875,
  "summary_bg_stdv": 266.1881103515625,
  "summary_fg_k": 0.26433345738803116,
  "summary_fg_mad": 480.85719888083946,
  "summary_fg_mean": 2567.07275390625,
  "summary_fg_median": 2505.111083984375,
  "summary_fg_n": 22709.0,
  "summary_fg_p05": 1818.7111083984375,
  "summary_fg_p95": 3516.4889160156245,
  "summary_fg_stdv": 513.2123413085938,
  "tsnr": 153.72677681967616
}