{
  "bids_meta": {
    "AcquisitionMatrixPE": 256,
    "AcquisitionNumber": 1,
    "AcquisitionTime": "15:06:59.000000",
    "BodyPartExamined": "BRAIN",
    "CoilString": "32Ch Head",
    "ConversionSoftware": "dcm2niix",
    "ConversionSoftwareVersion": "v1.0.20211006",
    "Dcm2bidsVersion": "2.1.6",
    "DeviceSerialNumber": "000301496MR3T6MR",
    "EchoTime": 0.00292,
    "FlipAngle": 8,
    "ImageOrientationPatientDICOM": [
      0,
      1,
      0,
      0,
      0,
      -1
    ],
    "ImageType": [
      "ORIGINAL",
      "PRIMARY",
      "OTHER"
    ],
    "ImagingFrequency": 127.696,
    "InPlanePhaseEncodingDirectionDICOM": "ROW",
    "InstitutionName": "NIH FMRIF",
    "InversionTime": 1.06,
    "MRAcquisitionType": "3D",
    "MagneticFieldStrength": 3,
    "Manufacturer": "GE",
    "ManufacturersModelName": "DISCOVERY MR750",
    "Modality": "MR",
    "ParallelReductionFactorInPlane": 2,
    "ParallelReductionOutOfPlane": 2,
    "PatientPosition": "HFS",
    "PercentPhaseFOV": 100,
    "PercentSampling": 100,
    "PixelBandwidth": 244.141,
    "ProcedureStepDescription": "MRI Brain",
    "ProtocolName": "ADNI3 FMRIF Enhanced Pro",
    "ReconMatrixPE": 256,
    "RepetitionTime": 0.006952,
    "SAR": 0.0984545,
    "ScanOptions": "EDR_GEMS\\PROMO_GEMS\\ACC_GEMS\\IR_GEMS",
    "ScanningSequence": "RM",
    "SequenceVariant": "NONE",
    "SeriesDescription": "ORIG Anat T1w MP-RAGE 1mm (ABCD)",
    "SeriesNumber": 40003,
    "SliceThickness": 1,
    "SoftwareVersions": "27\\LX\\MR Software release:DV26.0_R03_1831.b",
    "SpacingBetweenSlices": 1,
    "StationName": "FMRI3tb",
    "acq_id": "MPRAGE",
    "dataset": "ds004215",
    "modality": "T1w",
    "session_id": "01",
    "subject_id": "ON11411"
  },
  "cjv": 0.37862080180362695,
  "cnr": 3.5390950285374623,
  "efc": 0.4079965768791287,
  "fber": 12150.822485207102,
  "fwhm_avg": 3.7994800000000004,
  "fwhm_x": 3.73269,
  "fwhm_y": 3.9698,
  "fwhm_z": 3.69595,
  "icvs_csf": 0.2406291483880935,
  "icvs_gm": 0.407911704395155,
  "icvs_wm": 0.3514591472167515,
  "inu_med": 0.7747401595115662,
  "inu_range": 0.43040454685688,
  "provenance": {
    "md5sum": "fcb91ecd9c797249312f50100cffe66b",
    "settings": {
      "testing": false
    },
    "software": "mriqc",
    "version": "22.0.6",
    "warnings": {
      "large_rot_frame": true,
      "small_air_mask": false
    },
    "webapi_port": null,
    "webapi_url": "https://mriqc.nimh.nih.gov/api/v1"
  },
  "qi_1": 0.0,
  "qi_2": 0.001766187983525199,
  "rpve_csf": 28.75161040586258,
  "rpve_gm": 16.62388844924031,
  "rpve_wm": 22.669354137691236,
  "size_x": 208,
  "size_y": 256,
  "size_z": 256,
  "snr_csf": 1.075311201738489,
  "snr_gm": 8.234261459154173,
  "snr_total": 9.648215104880954,
  "snr_wm": 19.6350726537502,
  "snrd_csf": 5.999860956626108,
  "snrd_gm": 35.715218245589796,
  "snrd_total": 31.90460927061696,
  "snrd_wm": 53.998748609634966,
  "spacing_x": 1.0,
  "spacing_y": 1.0,
  "spacing_z": 1.0,
  "summary_bg_k": 2.2176221503827787,
  "summary_bg_mad": 12.13281427059862,
  "summary_bg_mean": 10.15621292526632,
  "summary_bg_median": 8.183458866551518,
  "summary_bg_n": 4286351.0,
  "summary_bg_p05": 0.0,
  "summary_bg_p95": 29.93341227993369,
  "summary_bg_stdv": 10.3777705206927,
  "summary_csf_k": 1.7703914754094043,
  "summary_csf_mad": 71.13612017210293,
  "summary_csf_mean": 143.12201023040245,
  "summary_csf_median": 111.11456886865199,
  "summary_csf_n": 42360.0,
  "summary_csf_p05": 32.080403389409184,
  "summary_csf_p95": 367.9787182575089,
  "summary_csf_stdv": 103.33125622670639,
  "summary_gm_k": 0.07478338314100963,
  "summary_gm_mad": 79.07088844032712,
  "summary_gm_mean": 661.1320444658307,
  "summary_gm_median": 661.428840784356,
  "summary_gm_n": 21475.0,
  "summary_gm_p05": 528.6794470110908,
  "summary_gm_p95": 793.5465835500509,
  "summary_gm_stdv": 80.32456145739202,
  "summary_wm_k": 0.3702662438463422,
  "summary_wm_mad": 49.130977939876544,
  "summary_wm_mean": 999.7718729294239,
  "summary_wm_median": 1000.0311198178679,
  "summary_wm_n": 178047.0,
  "summary_wm_p05": 916.236234921962,
  "summary_wm_p95": 1082.6436038129032,
  "summary_wm_stdv": 50.93071612792181,
  "tpm_overlap_csf": 0.14628192750815242,
  "tpm_overlap_gm": 0.4468693239057929,
  "tpm_overlap_wm": 0.5032243703517982,
  "wm2max": 0.6548254286323852
}