{
  "bids_meta": {
    "AcquisitionMatrixPE": 256,
    "AcquisitionNumber": 1,
    "AcquisitionTime": "15:13:30.000000",
    "BodyPartExamined": "BRAIN",
    "CoilString": "32Ch Head",
    "ConversionSoftware": "dcm2niix",
    "ConversionSoftwareVersion": "v1.0.20211006",
    "Dcm2bidsVersion": "2.1.6",
    "DeviceSerialNumber": "000301496MR3T6MR",
    "EchoTime": 0.065821,
    "EchoTrainLength": 140,
    "FlipAngle": 90,
    "ImageOrientationPatientDICOM": [
      0,
      1,
      0,
      0,
      0,
      -1
    ],
    "ImageType": [
      "ORIGINAL",
      "PRIMARY",
      "OTHER"
    ],
    "ImagingFrequency": 127.696,
    "InPlanePhaseEncodingDirectionDICOM": "ROW",
    "InstitutionName": "NIH FMRIF",
    "MRAcquisitionType": "3D",
    "MagneticFieldStrength": 3,
    "Manufacturer": "GE",
    "ManufacturersModelName": "DISCOVERY MR750",
    "Modality": "MR",
    "ParallelReductionFactorInPlane": 2,
    "ParallelReductionOutOfPlane": 1.5,
    "PatientPosition": "HFS",
    "PercentPhaseFOV": 100,
    "PercentSampling": 100,
    "PhaseEncodingAxis": "i",
    "PixelBandwidth": 244.141,
    "ProcedureStepDescription": "MRI Brain",
    "ProtocolName": "ADNI3 FMRIF Enhanced Pro",
    "ReconMatrixPE": 256,
    "RepetitionTime": 3.202,
    "SAR": 0.4395,
    "ScanOptions": "SAT_GEMS\\EDR_GEMS\\PROMO_GEMS\\ACC_GEMS\\FS\\FR_GEMS",
    "ScanningSequence": "RM",
    "SequenceVariant": "NONE",
    "SeriesDescription": "ORIG Anat T2w CUBE (ABCD)",
    "SeriesNumber": 40004,
    "SliceThickness": 1,
    "SoftwareVersions": "27\\LX\\MR Software release:DV26.0_R03_1831.b",
    "SpacingBetweenSlices": 1,
    "StationName": "FMRI3tb",
    "acq_id": "CUBE",
    "dataset": "ds004215",
    "modality": "T2w",
    "session_id": "01",
    "subject_id": "ON11411"
  },
  "cjv": 0.8624211812651565,
  "cnr": 1.1428261012819974,
  "efc": 0.36173611393495003,
  "fber": -1.0,
  "fwhm_avg": 2.3423700000000003,
  "fwhm_x": 1.95412,
  "fwhm_y": 2.58339,
  "fwhm_z": 2.4896,
  "icvs_csf": 0.20958382629881767,
  "icvs_gm": 0.5651882878292517,
  "icvs_wm": 0.22522788587193068,
  "inu_med": 0.8394537270069122,
  "inu_range": 0.4651539921760559,
  "provenance": {
    "md5sum": "e4adcbca83b117804740dcf9a683d441",
    "settings": {
      "testing": false
    },
    "software": "mriqc",
    "version": "22.0.6",
    "warnings": {
      "large_rot_frame": true,
      "small_air_mask": false
    },
    "webapi_port": null,
    "webapi_url": "https://mriqc.nimh.nih.gov/api/v1"
  },
  "qi_1": 0.0,
  "qi_2": 0.018720961557779848,
  "rpve_csf": 27.505688663107147,
  "rpve_gm": 13.865113180473806,
  "rpve_wm": 34.04726031593673,
  "size_x": 204,
  "size_y": 256,
  "size_z": 256,
  "snr_csf": 10.476520955754262,
  "snr_gm": 10.574074244807592,
  "snr_total": 7.6692177479503805,
  "snr_wm": 1.957058043289287,
  "snrd_csf": 103.33291404603742,
  "snrd_gm": 72.84934497627093,
  "snrd_total": 117.336440134174,
  "snrd_wm": 175.8270613802137,
  "spacing_x": 1.0,
  "spacing_y": 1.0,
  "spacing_z": 1.0,
  "summary_bg_k": 6.528975460040776,
  "summary_bg_mad": 0.0,
  "summary_bg_mean": 2.608892165730141,
  "summary_bg_median": 0.0,
  "summary_bg_n": 4107393.0,
  "summary_bg_p05": 0.0,
  "summary_bg_p95": 9.477419167757034,
  "summary_bg_stdv": 3.726789035201906,
  "summary_csf_k": 1.0583124330070435,
  "summary_csf_mad": 50.463219283276885,
  "summary_csf_mean": 591.5843406924766,
  "summary_csf_median": 587.8164776712656,
  "summary_csf_n": 9037.0,
  "summary_csf_p05": 505.9113703966141,
  "summary_csf_p95": 689.7203826516864,
  "summary_csf_stdv": 56.104880283028145,
  "summary_gm_k": -0.13073328824966435,
  "summary_gm_mad": 40.192260164136435,
  "summary_gm_mean": 415.2454038468602,
  "summary_gm_median": 414.4085721373558,
  "summary_gm_n": 248019.0,
  "summary_gm_p05": 352.3483146429062,
  "summary_gm_p95": 480.4377995878458,
  "summary_gm_stdv": 39.190923678530126,
  "summary_wm_k": -1.5050306577891832,
  "summary_wm_mad": 465.0105415085847,
  "summary_wm_mean": 766.8885975431067,
  "summary_wm_median": 1000.2044832855463,
  "summary_wm_n": 60991.0,
  "summary_wm_p05": 27.12129469960928,
  "summary_wm_p95": 1405.8091584295034,
  "summary_wm_stdv": 511.0713435783916,
  "tpm_overlap_csf": 0.0990015992261708,
  "tpm_overlap_gm": 0.34938348037981837,
  "tpm_overlap_wm": 0.05571582280442296,
  "wm2max": 0.7156388639593936
}