{
  "bids_meta": {
    "AcquisitionMatrixPE": 256,
    "AcquisitionNumber": 1,
    "AcquisitionTime": "15:33:5.000000",
    "BodyPartExamined": "BRAIN",
    "CoilString": "32Ch Head",
    "ConversionSoftware": "dcm2niix",
    "ConversionSoftwareVersion": "v1.0.20211006",
    "Dcm2bidsVersion": "2.1.6",
    "DeviceSerialNumber": "000301496MR3T6MR",
    "EchoTime": 0.00292,
    "FlipAngle": 8,
    "ImageOrientationPatientDICOM": [
      0,
      1,
      0,
      0,
      0,
      -1
    ],
    "ImageType": [
      "ORIGINAL",
      "PRIMARY",
      "OTHER"
    ],
    "ImagingFrequency": 127.696,
    "InPlanePhaseEncodingDirectionDICOM": "ROW",
    "InstitutionName": "NIH FMRIF",
    "InversionTime": 1.06,
    "MRAcquisitionType": "3D",
    "MagneticFieldStrength": 3,
    "Manufacturer": "GE",
    "ManufacturersModelName": "DISCOVERY MR750",
    "Modality": "MR",
    "ParallelReductionFactorInPlane": 2,
    "ParallelReductionOutOfPlane": 2,
    "PatientPosition": "HFS",
    "PercentPhaseFOV": 100,
    "PercentSampling": 100,
    "PixelBandwidth": 244.141,
    "ProcedureStepDescription": "MRI Brain",
    "ProtocolName": "ADNI3 FMRIF Enhanced Pro",
    "ReconMatrixPE": 256,
    "RepetitionTime": 0.006952,
    "SAR": 0.121617,
    "ScanOptions": "EDR_GEMS\\PROMO_GEMS\\FILTERED_GEMS\\ACC_GEMS\\IR_GEMS",
    "ScanningSequence": "RM",
    "SequenceVariant": "NONE",
    "SeriesDescription": "Anat T1w MP-RAGE 1mm (ABCD)",
    "SeriesNumber": 3,
    "SliceThickness": 1,
    "SoftwareVersions": "27\\LX\\MR Software release:DV26.0_R03_1831.b",
    "SpacingBetweenSlices": 1,
    "StationName": "FMRI3tb",
    "acq_id": "MPRAGE",
    "dataset": "ds004215",
    "modality": "T1w",
    "rec_id": "SCIC",
    "session_id": "01",
    "subject_id": "ON02747"
  },
  "cjv": 0.3609030055237996,
  "cnr": 3.7575959322457777,
  "efc": 0.6449466288788503,
  "fber": 4292.927529345381,
  "fwhm_avg": 3.3361133333333335,
  "fwhm_x": 3.23862,
  "fwhm_y": 3.5233,
  "fwhm_z": 3.24642,
  "icvs_csf": 0.24869988665410375,
  "icvs_gm": 0.42173583823438493,
  "icvs_wm": 0.3295642751115113,
  "inu_med": 0.49180619418621063,
  "inu_range": 0.06844542920589441,
  "provenance": {
    "md5sum": "ca53a4caacba86d1d1b8c316b44dffc0",
    "settings": {
      "testing": false
    },
    "software": "mriqc",
    "version": "22.0.6",
    "warnings": {
      "large_rot_frame": true,
      "small_air_mask": false
    },
    "webapi_port": null,
    "webapi_url": "https://mriqc.nimh.nih.gov/api/v1"
  },
  "qi_1": 0.0,
  "qi_2": 0.001919857377506147,
  "rpve_csf": 28.111080229565115,
  "rpve_gm": 16.501175612823356,
  "rpve_wm": 24.605129609611353,
  "size_x": 208,
  "size_y": 256,
  "size_z": 256,
  "snr_csf": 1.6619506399121933,
  "snr_gm": 9.019379344058384,
  "snr_total": 10.21129571999797,
  "snr_wm": 19.952557176023337,
  "snrd_csf": 15.421000355768081,
  "snrd_gm": 56.279798570844065,
  "snrd_total": 52.244565920798095,
  "snrd_wm": 85.03289883578215,
  "spacing_x": 1.0,
  "spacing_y": 1.0,
  "spacing_z": 1.0,
  "summary_bg_k": 4.5537533277837765,
  "summary_bg_mad": 7.704504931995873,
  "summary_bg_mean": 10.297549882469369,
  "summary_bg_median": 5.196609606966376,
  "summary_bg_n": 1184132.0,
  "summary_bg_p05": 0.0,
  "summary_bg_p95": 41.10045780055225,
  "summary_bg_stdv": 14.191955418688554,
  "summary_csf_k": 0.8500389573174729,
  "summary_csf_mad": 94.94669313253738,
  "summary_csf_mean": 206.81415892091883,
  "summary_csf_median": 181.35333847627044,
  "summary_csf_n": 36650.0,
  "summary_csf_p05": 73.05821741558611,
  "summary_csf_p95": 426.195629565138,
  "summary_csf_stdv": 109.11928427928682,
  "summary_gm_k": 0.0631980619336634,
  "summary_gm_mad": 73.66660330699798,
  "summary_gm_mean": 659.4656706083446,
  "summary_gm_median": 661.8590963054448,
  "summary_gm_n": 21699.0,
  "summary_gm_p05": 535.6954192165285,
  "summary_gm_p95": 775.7482147665693,
  "summary_gm_stdv": 73.38019834516979,
  "summary_wm_k": 0.3423507541399635,
  "summary_wm_mad": 48.36945877092597,
  "summary_wm_mean": 998.8796812179157,
  "summary_wm_median": 999.9999823886901,
  "summary_wm_n": 160197.0,
  "summary_wm_p05": 914.7700269632041,
  "summary_wm_p95": 1079.1162794530392,
  "summary_wm_stdv": 50.11873176980436,
  "tpm_overlap_csf": 0.15364311541500184,
  "tpm_overlap_gm": 0.47355958297270373,
  "tpm_overlap_wm": 0.5070697272417897,
  "wm2max": 0.6180759519760911
}