{
  "bids_meta": {
    "AcquisitionMatrixPE": 256,
    "AcquisitionNumber": 1,
    "AcquisitionTime": "15:39:37.000000",
    "BodyPartExamined": "BRAIN",
    "CoilString": "32Ch Head",
    "ConversionSoftware": "dcm2niix",
    "ConversionSoftwareVersion": "v1.0.20211006",
    "Dcm2bidsVersion": "2.1.6",
    "DeviceSerialNumber": "000301496MR3T6MR",
    "EchoTime": 0.066495,
    "EchoTrainLength": 140,
    "FlipAngle": 90,
    "ImageOrientationPatientDICOM": [
      0,
      1,
      0,
      0,
      0,
      -1
    ],
    "ImageType": [
      "ORIGINAL",
      "PRIMARY",
      "OTHER"
    ],
    "ImagingFrequency": 127.696,
    "InPlanePhaseEncodingDirectionDICOM": "ROW",
    "InstitutionName": "NIH FMRIF",
    "MRAcquisitionType": "3D",
    "MagneticFieldStrength": 3,
    "Manufacturer": "GE",
    "ManufacturersModelName": "DISCOVERY MR750",
    "Modality": "MR",
    "ParallelReductionFactorInPlane": 2,
    "ParallelReductionOutOfPlane": 1.5,
    "PatientPosition": "HFS",
    "PercentPhaseFOV": 100,
    "PercentSampling": 100,
    "PhaseEncodingAxis": "i",
    "PixelBandwidth": 244.141,
    "ProcedureStepDescription": "MRI Brain",
    "ProtocolName": "ADNI3 FMRIF Enhanced Pro",
    "ReconMatrixPE": 256,
    "RepetitionTime": 3.202,
    "SAR": 0.4494,
    "ScanOptions": "SAT_GEMS\\EDR_GEMS\\PROMO_GEMS\\ACC_GEMS\\FS\\FR_GEMS",
    "ScanningSequence": "RM",
    "SequenceVariant": "NONE",
    "SeriesDescription": "ORIG Anat T2w CUBE (ABCD)",
    "SeriesNumber": 40004,
    "SliceThickness": 1,
    "SoftwareVersions": "27\\LX\\MR Software release:DV26.0_R03_1831.b",
    "SpacingBetweenSlices": 1,
    "StationName": "FMRI3tb",
    "acq_id": "CUBE",
    "dataset": "ds004215",
    "modality": "T2w",
    "session_id": "01",
    "subject_id": "ON02747"
  },
  "cjv": 1.2080020330842067,
  "cnr": 0.42877670911865207,
  "efc": 0.3709242201735628,
  "fber": 5970.32174744898,
  "fwhm_avg": 2.34562,
  "fwhm_x": 1.96403,
  "fwhm_y": 2.59123,
  "fwhm_z": 2.4816,
  "icvs_csf": 0.16989356765491748,
  "icvs_gm": 0.6330037012294324,
  "icvs_wm": 0.19710273111565008,
  "inu_med": 0.8889416456222534,
  "inu_range": 0.4033685594797135,
  "provenance": {
    "md5sum": "cc71359c5db698a380debc2c7acfb2a4",
    "settings": {
      "testing": false
    },
    "software": "mriqc",
    "version": "22.0.6",
    "warnings": {
      "large_rot_frame": true,
      "small_air_mask": false
    },
    "webapi_port": null,
    "webapi_url": "https://mriqc.nimh.nih.gov/api/v1"
  },
  "qi_1": 0.0,
  "qi_2": 0.007749048281071556,
  "rpve_csf": 32.36804341625037,
  "rpve_gm": 12.999851924491297,
  "rpve_wm": 41.100820123988704,
  "size_x": 204,
  "size_y": 256,
  "size_z": 256,
  "snr_csf": 7.601555572559202,
  "snr_gm": 10.358072386115527,
  "snr_total": 6.097299283654884,
  "snr_wm": 0.3322698922899214,
  "snrd_csf": 66.18285800645229,
  "snrd_gm": 45.03658452179339,
  "snrd_total": 43.61728610581778,
  "snrd_wm": 19.632415789207673,
  "spacing_x": 1.0,
  "spacing_y": 1.0,
  "spacing_z": 1.0,
  "summary_bg_k": 213.096422324571,
  "summary_bg_mad": 33.638875439204156,
  "summary_bg_mean": 24.892347611339105,
  "summary_bg_median": 22.68907669186592,
  "summary_bg_n": 4017940.0,
  "summary_bg_p05": 0.0,
  "summary_bg_p95": 67.50700595974922,
  "summary_bg_stdv": 31.46560905447384,
  "summary_csf_k": 3.1369402720864645,
  "summary_csf_mad": 351.44318938798176,
  "summary_csf_mean": 3458.68880898583,
  "summary_csf_median": 3398.24945872277,
  "summary_csf_n": 1922.0,
  "summary_csf_p05": 2858.627584734559,
  "summary_csf_p95": 4286.37975237891,
  "summary_csf_stdv": 446.93027254128896,
  "summary_gm_k": -0.03232929932437223,
  "summary_gm_mad": 224.6744643532031,
  "summary_gm_mean": 2325.2204952086945,
  "summary_gm_median": 2312.465094193816,
  "summary_gm_n": 271510.0,
  "summary_gm_p05": 1979.1317452639341,
  "summary_gm_p95": 2709.2438242435455,
  "summary_gm_stdv": 223.252044343991,
  "summary_wm_k": -1.5434540046315632,
  "summary_wm_mad": 1351.0576731184065,
  "summary_wm_mean": 3015.2584965388123,
  "summary_wm_median": 1008.0532684549689,
  "summary_wm_n": 44234.0,
  "summary_wm_p05": 98.45938836038113,
  "summary_wm_p95": 7716.575991307944,
  "summary_wm_stdv": 3033.8044379853955,
  "tpm_overlap_csf": 0.10903851210826226,
  "tpm_overlap_gm": 0.39857558849775004,
  "tpm_overlap_wm": 0.03794689251344221,
  "wm2max": 0.13229968935536643
}