{
  "bids_meta": {
    "AcquisitionMatrixPE": 256,
    "AcquisitionNumber": 1,
    "AcquisitionTime": "15:33:5.000000",
    "BodyPartExamined": "BRAIN",
    "CoilString": "32Ch Head",
    "ConversionSoftware": "dcm2niix",
    "ConversionSoftwareVersion": "v1.0.20211006",
    "Dcm2bidsVersion": "2.1.6",
    "DeviceSerialNumber": "000301496MR3T6MR",
    "EchoTime": 0.00292,
    "FlipAngle": 8,
    "ImageOrientationPatientDICOM": [
      0,
      1,
      0,
      0,
      0,
      -1
    ],
    "ImageType": [
      "ORIGINAL",
      "PRIMARY",
      "OTHER"
    ],
    "ImagingFrequency": 127.696,
    "InPlanePhaseEncodingDirectionDICOM": "ROW",
    "InstitutionName": "NIH FMRIF",
    "InversionTime": 1.06,
    "MRAcquisitionType": "3D",
    "MagneticFieldStrength": 3,
    "Manufacturer": "GE",
    "ManufacturersModelName": "DISCOVERY MR750",
    "Modality": "MR",
    "ParallelReductionFactorInPlane": 2,
    "ParallelReductionOutOfPlane": 2,
    "PatientPosition": "HFS",
    "PercentPhaseFOV": 100,
    "PercentSampling": 100,
    "PixelBandwidth": 244.141,
    "ProcedureStepDescription": "MRI Brain",
    "ProtocolName": "ADNI3 FMRIF Enhanced Pro",
    "ReconMatrixPE": 256,
    "RepetitionTime": 0.006952,
    "SAR": 0.121617,
    "ScanOptions": "EDR_GEMS\\PROMO_GEMS\\ACC_GEMS\\IR_GEMS",
    "ScanningSequence": "RM",
    "SequenceVariant": "NONE",
    "SeriesDescription": "ORIG Anat T1w MP-RAGE 1mm (ABCD)",
    "SeriesNumber": 40003,
    "SliceThickness": 1,
    "SoftwareVersions": "27\\LX\\MR Software release:DV26.0_R03_1831.b",
    "SpacingBetweenSlices": 1,
    "StationName": "FMRI3tb",
    "acq_id": "MPRAGE",
    "dataset": "ds004215",
    "modality": "T1w",
    "session_id": "01",
    "subject_id": "ON02747"
  },
  "cjv": 0.36456100553615295,
  "cnr": 3.716550697938844,
  "efc": 0.41686989148642795,
  "fber": 6374.722682531098,
  "fwhm_avg": 3.51844,
  "fwhm_x": 3.4295,
  "fwhm_y": 3.66751,
  "fwhm_z": 3.45831,
  "icvs_csf": 0.24345007668932825,
  "icvs_gm": 0.42200871664528095,
  "icvs_wm": 0.33454120666539083,
  "inu_med": 0.8168380558490753,
  "inu_range": 0.3523165136575698,
  "provenance": {
    "md5sum": "615e5ef59d11e0bf7a8920994cfed816",
    "settings": {
      "testing": false
    },
    "software": "mriqc",
    "version": "22.0.6",
    "warnings": {
      "large_rot_frame": true,
      "small_air_mask": false
    },
    "webapi_port": null,
    "webapi_url": "https://mriqc.nimh.nih.gov/api/v1"
  },
  "qi_1": 0.0,
  "qi_2": 0.0013054773188608062,
  "rpve_csf": 28.91096645672348,
  "rpve_gm": 16.536488211199206,
  "rpve_wm": 24.2428352857485,
  "size_x": 208,
  "size_y": 256,
  "size_z": 256,
  "snr_csf": 1.1885977436900241,
  "snr_gm": 8.311446135752163,
  "snr_total": 9.338667840535255,
  "snr_wm": 18.515959642163576,
  "snrd_csf": 7.528449525471905,
  "snrd_gm": 34.15445651495826,
  "snrd_total": 31.533988825911944,
  "snrd_wm": 52.91906043730565,
  "spacing_x": 1.0,
  "spacing_y": 1.0,
  "spacing_z": 1.0,
  "summary_bg_k": 2.588626140321643,
  "summary_bg_mad": 12.379970781981047,
  "summary_bg_mean": 12.793647774499586,
  "summary_bg_median": 8.350163400173187,
  "summary_bg_n": 4165208.0,
  "summary_bg_p05": 0.0,
  "summary_bg_p95": 36.62420505285263,
  "summary_bg_stdv": 12.501748887801151,
  "summary_csf_k": 0.6928877397012729,
  "summary_csf_mad": 101.7460854500489,
  "summary_csf_mean": 175.2875148192207,
  "summary_csf_median": 142.26348155736923,
  "summary_csf_n": 32304.0,
  "summary_csf_p05": 35.26487612724304,
  "summary_csf_p95": 418.8228352695703,
  "summary_csf_stdv": 119.68833051145263,
  "summary_gm_k": 0.01305024759229001,
  "summary_gm_mad": 77.79228151840184,
  "summary_gm_mean": 643.853046131235,
  "summary_gm_median": 645.4093738794327,
  "summary_gm_n": 20546.0,
  "summary_gm_p05": 514.0690711885691,
  "summary_gm_p95": 768.2538707852364,
  "summary_gm_stdv": 77.6511880963541,
  "summary_wm_k": 0.4716669827955684,
  "summary_wm_mad": 51.477645949260726,
  "summary_wm_mean": 998.5781573012733,
  "summary_wm_median": 1000.0000336170197,
  "summary_wm_n": 159482.0,
  "summary_wm_p05": 907.4879907369614,
  "summary_wm_p95": 1084.4726168513298,
  "summary_wm_stdv": 54.00729520844335,
  "tpm_overlap_csf": 0.1511621449507267,
  "tpm_overlap_gm": 0.47148023104647896,
  "tpm_overlap_wm": 0.5090191551897929,
  "wm2max": 0.478193992705609
}