{
  "bids_meta": {
    "AcquisitionMatrixPE": 256,
    "AcquisitionNumber": 1,
    "AcquisitionTime": "15:39:37.000000",
    "BodyPartExamined": "BRAIN",
    "CoilString": "32Ch Head",
    "ConversionSoftware": "dcm2niix",
    "ConversionSoftwareVersion": "v1.0.20211006",
    "Dcm2bidsVersion": "2.1.6",
    "DeviceSerialNumber": "000301496MR3T6MR",
    "EchoTime": 0.066495,
    "EchoTrainLength": 140,
    "FlipAngle": 90,
    "ImageOrientationPatientDICOM": [
      0,
      1,
      0,
      0,
      0,
      -1
    ],
    "ImageType": [
      "ORIGINAL",
      "PRIMARY",
      "OTHER"
    ],
    "ImagingFrequency": 127.696,
    "InPlanePhaseEncodingDirectionDICOM": "ROW",
    "InstitutionName": "NIH FMRIF",
    "MRAcquisitionType": "3D",
    "MagneticFieldStrength": 3,
    "Manufacturer": "GE",
    "ManufacturersModelName": "DISCOVERY MR750",
    "Modality": "MR",
    "ParallelReductionFactorInPlane": 2,
    "ParallelReductionOutOfPlane": 1.5,
    "PatientPosition": "HFS",
    "PercentPhaseFOV": 100,
    "PercentSampling": 100,
    "PhaseEncodingAxis": "i",
    "PixelBandwidth": 244.141,
    "ProcedureStepDescription": "MRI Brain",
    "ProtocolName": "ADNI3 FMRIF Enhanced Pro",
    "ReconMatrixPE": 256,
    "RepetitionTime": 3.202,
    "SAR": 0.4494,
    "ScanOptions": "SAT_GEMS\\EDR_GEMS\\PROMO_GEMS\\FILTERED_GEMS\\ACC_GEMS\\FS\\FR_GEMS",
    "ScanningSequence": "RM",
    "SequenceVariant": "NONE",
    "SeriesDescription": "Anat T2w CUBE (ABCD)",
    "SeriesNumber": 4,
    "SliceThickness": 1,
    "SoftwareVersions": "27\\LX\\MR Software release:DV26.0_R03_1831.b",
    "SpacingBetweenSlices": 1,
    "StationName": "FMRI3tb",
    "acq_id": "CUBE",
    "dataset": "ds004215",
    "modality": "T2w",
    "rec_id": "SCIC",
    "session_id": "01",
    "subject_id": "ON02747"
  },
  "cjv": 3.3394060649581965,
  "cnr": 0.2446849181952439,
  "efc": 0.4273412168028759,
  "fber": 6259.913829811589,
  "fwhm_avg": 2.25998,
  "fwhm_x": 1.87424,
  "fwhm_y": 2.5577,
  "fwhm_z": 2.348,
  "icvs_csf": 0.20191699057623616,
  "icvs_gm": 0.5775153126651617,
  "icvs_wm": 0.22056769675860216,
  "inu_med": 0.8737787008285522,
  "inu_range": 0.13895078897476199,
  "provenance": {
    "md5sum": "07fd5602d1e9905ba7f8da56f0cf671e",
    "settings": {
      "testing": false
    },
    "software": "mriqc",
    "version": "22.0.6",
    "warnings": {
      "large_rot_frame": true,
      "small_air_mask": false
    },
    "webapi_port": null,
    "webapi_url": "https://mriqc.nimh.nih.gov/api/v1"
  },
  "qi_1": 0.0,
  "qi_2": 0.010833384480782922,
  "rpve_csf": 28.652232410882814,
  "rpve_gm": 14.052455693196324,
  "rpve_wm": 36.86610320284697,
  "size_x": 204,
  "size_y": 256,
  "size_z": 256,
  "snr_csf": 9.526805086198346,
  "snr_gm": 11.313490497817236,
  "snr_total": 7.126544799658665,
  "snr_wm": 0.5393388149604106,
  "snrd_csf": 71.44478692771666,
  "snrd_gm": 49.205037631475356,
  "snrd_total": 51.49090037213333,
  "snrd_wm": 33.822876557207984,
  "spacing_x": 1.0,
  "spacing_y": 1.0,
  "spacing_z": 1.0,
  "summary_bg_k": 323.26193190279554,
  "summary_bg_mad": 0.0,
  "summary_bg_mean": 9.27141217201442,
  "summary_bg_median": 0.0,
  "summary_bg_n": 3293924.0,
  "summary_bg_p05": 0.0,
  "summary_bg_p95": 30.065453231334686,
  "summary_bg_stdv": 19.504763932815592,
  "summary_csf_k": 1.048605202028761,
  "summary_csf_mad": 204.00043290857923,
  "summary_csf_mean": 2141.3454876279557,
  "summary_csf_median": 2127.058889195323,
  "summary_csf_n": 5064.0,
  "summary_csf_p05": 1809.109528581798,
  "summary_csf_p95": 2537.3444354206317,
  "summary_csf_stdv": 223.24891103781454,
  "summary_gm_k": 0.13382979649065208,
  "summary_gm_mad": 128.50001131983166,
  "summary_gm_mean": 1468.9863626609285,
  "summary_gm_median": 1464.9356123507023,
  "summary_gm_n": 218120.0,
  "summary_gm_p05": 1263.6840856969357,
  "summary_gm_p95": 1685.8951155245304,
  "summary_gm_stdv": 129.48543639418068,
  "summary_wm_k": -1.7747160369202613,
  "summary_wm_mad": 1400.8100819064803,
  "summary_wm_mean": 2008.7003941970324,
  "summary_wm_median": 1006.9769024848938,
  "summary_wm_n": 51165.0,
  "summary_wm_p05": 63.367617934942245,
  "summary_wm_p95": 4496.439577281475,
  "summary_wm_stdv": 1867.0398532785343,
  "tpm_overlap_csf": 0.10513185547113917,
  "tpm_overlap_gm": 0.3716533887889667,
  "tpm_overlap_wm": 0.0452687992079114,
  "wm2max": 0.22574819401444787
}