{
  "bids_meta": {
    "AcquisitionMatrixPE": 256,
    "AcquisitionNumber": 1,
    "AcquisitionTime": "14:10:13.000000",
    "BodyPartExamined": "BRAIN",
    "CoilString": "32Ch Head",
    "ConversionSoftware": "dcm2niix",
    "ConversionSoftwareVersion": "v1.0.20211006",
    "Dcm2bidsVersion": "2.1.6",
    "DeviceSerialNumber": "000301496MR3T6MR",
    "EchoTime": 0.00292,
    "FlipAngle": 8,
    "ImageOrientationPatientDICOM": [
      0,
      1,
      0,
      0,
      0,
      -1
    ],
    "ImageType": [
      "ORIGINAL",
      "PRIMARY",
      "OTHER"
    ],
    "ImagingFrequency": 127.697,
    "InPlanePhaseEncodingDirectionDICOM": "ROW",
    "InstitutionName": "NIH FMRIF",
    "InversionTime": 1.06,
    "MRAcquisitionType": "3D",
    "MagneticFieldStrength": 3,
    "Manufacturer": "GE",
    "ManufacturersModelName": "DISCOVERY MR750",
    "Modality": "MR",
    "ParallelReductionFactorInPlane": 2,
    "ParallelReductionOutOfPlane": 2,
    "PatientPosition": "HFS",
    "PercentPhaseFOV": 100,
    "PercentSampling": 100,
    "PixelBandwidth": 244.141,
    "ProcedureStepDescription": "MRI Brain",
    "ProtocolName": "ADNI3 FMRIF Enhanced Pro",
    "ReconMatrixPE": 256,
    "RepetitionTime": 0.006952,
    "SAR": 0.131082,
    "ScanOptions": "EDR_GEMS\\PROMO_GEMS\\FILTERED_GEMS\\ACC_GEMS\\IR_GEMS",
    "ScanningSequence": "RM",
    "SequenceVariant": "NONE",
    "SeriesDescription": "Anat T1w MP-RAGE 1mm (ABCD)",
    "SeriesNumber": 3,
    "SliceThickness": 1,
    "SoftwareVersions": "27\\LX\\MR Software release:DV26.0_R03_1831.b",
    "SpacingBetweenSlices": 1,
    "StationName": "FMRI3tb",
    "acq_id": "MPRAGE",
    "dataset": "ds004215",
    "modality": "T1w",
    "rec_id": "SCIC",
    "session_id": "01",
    "subject_id": "ON34766"
  },
  "cjv": 0.37663025811189726,
  "cnr": 3.563688597268781,
  "efc": 0.6832664401371198,
  "fber": 13911.023025,
  "fwhm_avg": 3.4989266666666663,
  "fwhm_x": 3.38536,
  "fwhm_y": 3.73587,
  "fwhm_z": 3.37555,
  "icvs_csf": 0.25427512353720394,
  "icvs_gm": 0.41322421911556095,
  "icvs_wm": 0.33250065734723505,
  "inu_med": 0.5246537625789642,
  "inu_range": 0.08447896093130108,
  "provenance": {
    "md5sum": "348b0d103d0bf759a4374e0e4bcd6af3",
    "settings": {
      "testing": false
    },
    "software": "mriqc",
    "version": "22.0.6",
    "warnings": {
      "large_rot_frame": true,
      "small_air_mask": false
    },
    "webapi_port": null,
    "webapi_url": "https://mriqc.nimh.nih.gov/api/v1"
  },
  "qi_1": 0.0,
  "qi_2": 0.0035506386927128338,
  "rpve_csf": 24.56543594039854,
  "rpve_gm": 14.92076429228567,
  "rpve_wm": 21.571314490060832,
  "size_x": 208,
  "size_y": 256,
  "size_z": 256,
  "snr_csf": 1.7011892330874443,
  "snr_gm": 8.150856590826352,
  "snr_total": 9.741382024754826,
  "snr_wm": 19.37210025035068,
  "snrd_csf": 11.134197181034468,
  "snrd_gm": 45.79065738068093,
  "snrd_total": 42.20053734795806,
  "snrd_wm": 69.67675748215878,
  "spacing_x": 1.0,
  "spacing_y": 1.0,
  "spacing_z": 1.0,
  "summary_bg_k": 6.994641180058295,
  "summary_bg_mad": 0.0,
  "summary_bg_mean": 5.146564907729087,
  "summary_bg_median": 0.0,
  "summary_bg_n": 813690.0,
  "summary_bg_p05": 0.0,
  "summary_bg_p95": 27.5407073199749,
  "summary_bg_stdv": 9.402509820485356,
  "summary_csf_k": 2.4619260215412746,
  "summary_csf_mad": 70.88353634392402,
  "summary_csf_mean": 183.23686593161446,
  "summary_csf_median": 159.79786550998688,
  "summary_csf_n": 54883.0,
  "summary_csf_p05": 77.14766943454742,
  "summary_csf_p95": 384.1100484728813,
  "summary_csf_stdv": 93.93217790861691,
  "summary_gm_k": 0.03770890986128217,
  "summary_gm_mad": 79.2497082788205,
  "summary_gm_mean": 656.2560203209028,
  "summary_gm_median": 657.1869700849056,
  "summary_gm_n": 25257.0,
  "summary_gm_p05": 521.6563700258732,
  "summary_gm_p95": 787.6866886436937,
  "summary_gm_stdv": 80.62636762608835,
  "summary_wm_k": 0.3583306670436728,
  "summary_wm_mad": 49.86404964182089,
  "summary_wm_mean": 1000.2241100135836,
  "summary_wm_median": 999.999994635582,
  "summary_wm_n": 194648.0,
  "summary_wm_p05": 916.0583892464638,
  "summary_wm_p95": 1085.233009338379,
  "summary_wm_stdv": 51.62049612430258,
  "tpm_overlap_csf": 0.1613704729705363,
  "tpm_overlap_gm": 0.4510136535431937,
  "tpm_overlap_wm": 0.5051220229008065,
  "wm2max": 0.6032865074100362
}