{
  "bids_meta": {
    "AcquisitionMatrixPE": 256,
    "AcquisitionNumber": 1,
    "AcquisitionTime": "14:10:13.000000",
    "BodyPartExamined": "BRAIN",
    "CoilString": "32Ch Head",
    "ConversionSoftware": "dcm2niix",
    "ConversionSoftwareVersion": "v1.0.20211006",
    "Dcm2bidsVersion": "2.1.6",
    "DeviceSerialNumber": "000301496MR3T6MR",
    "EchoTime": 0.00292,
    "FlipAngle": 8,
    "ImageOrientationPatientDICOM": [
      0,
      1,
      0,
      0,
      0,
      -1
    ],
    "ImageType": [
      "ORIGINAL",
      "PRIMARY",
      "OTHER"
    ],
    "ImagingFrequency": 127.697,
    "InPlanePhaseEncodingDirectionDICOM": "ROW",
    "InstitutionName": "NIH FMRIF",
    "InversionTime": 1.06,
    "MRAcquisitionType": "3D",
    "MagneticFieldStrength": 3,
    "Manufacturer": "GE",
    "ManufacturersModelName": "DISCOVERY MR750",
    "Modality": "MR",
    "ParallelReductionFactorInPlane": 2,
    "ParallelReductionOutOfPlane": 2,
    "PatientPosition": "HFS",
    "PercentPhaseFOV": 100,
    "PercentSampling": 100,
    "PixelBandwidth": 244.141,
    "ProcedureStepDescription": "MRI Brain",
    "ProtocolName": "ADNI3 FMRIF Enhanced Pro",
    "ReconMatrixPE": 256,
    "RepetitionTime": 0.006952,
    "SAR": 0.131082,
    "ScanOptions": "EDR_GEMS\\PROMO_GEMS\\ACC_GEMS\\IR_GEMS",
    "ScanningSequence": "RM",
    "SequenceVariant": "NONE",
    "SeriesDescription": "ORIG Anat T1w MP-RAGE 1mm (ABCD)",
    "SeriesNumber": 40003,
    "SliceThickness": 1,
    "SoftwareVersions": "27\\LX\\MR Software release:DV26.0_R03_1831.b",
    "SpacingBetweenSlices": 1,
    "StationName": "FMRI3tb",
    "acq_id": "MPRAGE",
    "dataset": "ds004215",
    "modality": "T1w",
    "session_id": "01",
    "subject_id": "ON34766"
  },
  "cjv": 0.39870083146399343,
  "cnr": 3.3860310765355934,
  "efc": 0.443965669134116,
  "fber": 4294.6177777777775,
  "fwhm_avg": 3.783936666666667,
  "fwhm_x": 3.70514,
  "fwhm_y": 3.97712,
  "fwhm_z": 3.66955,
  "icvs_csf": 0.2453958085445898,
  "icvs_gm": 0.410440088085419,
  "icvs_wm": 0.34416410336999126,
  "inu_med": 0.9162601828575134,
  "inu_range": 0.5723754644393921,
  "provenance": {
    "md5sum": "07959d5a9442493c178f36be3f194c8b",
    "settings": {
      "testing": false
    },
    "software": "mriqc",
    "version": "22.0.6",
    "warnings": {
      "large_rot_frame": true,
      "small_air_mask": false
    },
    "webapi_port": null,
    "webapi_url": "https://mriqc.nimh.nih.gov/api/v1"
  },
  "qi_1": 0.0,
  "qi_2": 0.0012782752990386195,
  "rpve_csf": 25.560279179438812,
  "rpve_gm": 14.991617374007518,
  "rpve_wm": 20.718260045546945,
  "size_x": 208,
  "size_y": 256,
  "size_z": 256,
  "snr_csf": 1.1535302458678791,
  "snr_gm": 7.613177928820433,
  "snr_total": 8.376349311297618,
  "snr_wm": 16.362339759204538,
  "snrd_csf": 5.16939432381809,
  "snrd_gm": 29.28900595822168,
  "snrd_total": 26.650394867782012,
  "snrd_wm": 45.492784321306274,
  "spacing_x": 1.0,
  "spacing_y": 1.0,
  "spacing_z": 1.0,
  "summary_bg_k": 1.637423916320798,
  "summary_bg_mad": 14.401555848904461,
  "summary_bg_mean": 13.579408770493005,
  "summary_bg_median": 9.71370180696249,
  "summary_bg_n": 4213516.0,
  "summary_bg_p05": 0.0,
  "summary_bg_p95": 39.319577649235725,
  "summary_bg_stdv": 13.384999073967656,
  "summary_csf_k": 2.9240664560112437,
  "summary_csf_mad": 69.45822151050574,
  "summary_csf_mean": 139.7922085587953,
  "summary_csf_median": 113.63636802881956,
  "summary_csf_n": 48364.0,
  "summary_csf_p05": 34.585890907421714,
  "summary_csf_p95": 356.84375798366955,
  "summary_csf_stdv": 98.51080509294226,
  "summary_gm_k": 0.03656401941724763,
  "summary_gm_mad": 84.06649825676288,
  "summary_gm_mean": 645.215744831175,
  "summary_gm_median": 643.8464647457004,
  "summary_gm_n": 21117.0,
  "summary_gm_p05": 508.68193079829217,
  "summary_gm_p95": 786.5867565616966,
  "summary_gm_stdv": 84.56799852072199,
  "summary_wm_k": 0.7997402758502674,
  "summary_wm_mad": 57.95075822453901,
  "summary_wm_mean": 1000.9113759742547,
  "summary_wm_median": 1000.0465156957507,
  "summary_wm_n": 194239.0,
  "summary_wm_p05": 903.0489287525415,
  "summary_wm_p95": 1100.762266010046,
  "summary_wm_stdv": 61.1186392741776,
  "tpm_overlap_csf": 0.15990035034655992,
  "tpm_overlap_gm": 0.4463574201613408,
  "tpm_overlap_wm": 0.5029768891233002,
  "wm2max": 0.39363726171746366
}