{
  "bids_meta": {
    "AcquisitionMatrixPE": 256,
    "AcquisitionNumber": 1,
    "AcquisitionTime": "14:14:16.000000",
    "BodyPartExamined": "BRAIN",
    "CoilString": "32Ch Head",
    "ConversionSoftware": "dcm2niix",
    "ConversionSoftwareVersion": "v1.0.20211006",
    "Dcm2bidsVersion": "2.1.6",
    "DeviceSerialNumber": "000301496MR3T6MR",
    "EchoTime": 0.066902,
    "EchoTrainLength": 140,
    "FlipAngle": 90,
    "ImageOrientationPatientDICOM": [
      0,
      1,
      0,
      0,
      0,
      -1
    ],
    "ImageType": [
      "ORIGINAL",
      "PRIMARY",
      "OTHER"
    ],
    "ImagingFrequency": 127.697,
    "InPlanePhaseEncodingDirectionDICOM": "ROW",
    "InstitutionName": "NIH FMRIF",
    "MRAcquisitionType": "3D",
    "MagneticFieldStrength": 3,
    "Manufacturer": "GE",
    "ManufacturersModelName": "DISCOVERY MR750",
    "Modality": "MR",
    "ParallelReductionFactorInPlane": 2,
    "ParallelReductionOutOfPlane": 1.5,
    "PatientPosition": "HFS",
    "PercentPhaseFOV": 100,
    "PercentSampling": 100,
    "PhaseEncodingAxis": "i",
    "PixelBandwidth": 244.141,
    "ProcedureStepDescription": "MRI Brain",
    "ProtocolName": "ADNI3 FMRIF Enhanced Pro",
    "ReconMatrixPE": 256,
    "RepetitionTime": 3.248,
    "SAR": 0.4874,
    "ScanOptions": "SAT_GEMS\\EDR_GEMS\\PROMO_GEMS\\FILTERED_GEMS\\ACC_GEMS\\FS\\FR_GEMS",
    "ScanningSequence": "RM",
    "SequenceVariant": "NONE",
    "SeriesDescription": "Anat T2w CUBE (ABCD)",
    "SeriesNumber": 4,
    "SliceThickness": 1,
    "SoftwareVersions": "27\\LX\\MR Software release:DV26.0_R03_1831.b",
    "SpacingBetweenSlices": 1,
    "StationName": "FMRI3tb",
    "acq_id": "CUBE",
    "dataset": "ds004215",
    "modality": "T2w",
    "rec_id": "SCIC",
    "session_id": "01",
    "subject_id": "ON63734"
  },
  "cjv": 10.190990649137522,
  "cnr": 0.10427005279357915,
  "efc": 0.46376456696180735,
  "fber": 1793.1643338036188,
  "fwhm_avg": 2.368323333333333,
  "fwhm_x": 2.07963,
  "fwhm_y": 2.6579,
  "fwhm_z": 2.36744,
  "icvs_csf": 0.3049945029749675,
  "icvs_gm": 0.5118642777336191,
  "icvs_wm": 0.18314121929141344,
  "inu_med": 0.9232679307460785,
  "inu_range": 0.18195363581180568,
  "provenance": {
    "md5sum": "b16b35bdb2abc3273104dc0d9803354c",
    "settings": {
      "testing": false
    },
    "software": "mriqc",
    "version": "22.0.6",
    "warnings": {
      "large_rot_frame": true,
      "small_air_mask": false
    },
    "webapi_port": null,
    "webapi_url": "https://mriqc.nimh.nih.gov/api/v1"
  },
  "qi_1": 0.0,
  "qi_2": 0.009152184686289366,
  "rpve_csf": 19.57630031619711,
  "rpve_gm": 14.28278589385837,
  "rpve_wm": 42.17226043418341,
  "size_x": 204,
  "size_y": 256,
  "size_z": 256,
  "snr_csf": 11.63120618757764,
  "snr_gm": 11.135781331443823,
  "snr_total": 7.832067984383549,
  "snr_wm": 0.7292164341291834,
  "snrd_csf": 62.4945372129617,
  "snrd_gm": 42.75490764828083,
  "snrd_total": 47.547467226296675,
  "snrd_wm": 37.3929568176475,
  "spacing_x": 1.0,
  "spacing_y": 1.0,
  "spacing_z": 1.0,
  "summary_bg_k": 45.28027766761505,
  "summary_bg_mad": 17.615596376441864,
  "summary_bg_mean": 15.665574539376133,
  "summary_bg_median": 12.295324146747589,
  "summary_bg_n": 2925801.0,
  "summary_bg_p05": 0.0,
  "summary_bg_p95": 36.88597244024277,
  "summary_bg_stdv": 13.610167348943303,
  "summary_csf_k": 0.4995343614295402,
  "summary_csf_mad": 136.8933409950358,
  "summary_csf_mean": 1690.3335452866925,
  "summary_csf_median": 1680.3806707672775,
  "summary_csf_n": 17619.0,
  "summary_csf_p05": 1468.9247402973474,
  "summary_csf_p95": 1942.3656545095146,
  "summary_csf_stdv": 144.46764646626883,
  "summary_gm_k": 0.06752104635547607,
  "summary_gm_mad": 105.08009977787958,
  "summary_gm_mean": 1150.191072426582,
  "summary_gm_median": 1149.6128077208996,
  "summary_gm_n": 171663.0,
  "summary_gm_p05": 983.8623802810907,
  "summary_gm_p95": 1318.5552904680371,
  "summary_gm_stdv": 103.23563520518861,
  "summary_wm_k": -1.6942998461481242,
  "summary_wm_mad": 1364.2008616701198,
  "summary_wm_mean": 1587.6611004727154,
  "summary_wm_median": 1005.4383096732199,
  "summary_wm_n": 42197.0,
  "summary_wm_p05": 73.65372060984373,
  "summary_wm_p95": 3513.29429551661,
  "summary_wm_stdv": 1378.7763809522153,
  "tpm_overlap_csf": 0.10941361126007504,
  "tpm_overlap_gm": 0.3297155810091624,
  "tpm_overlap_wm": 0.043264662115084375,
  "wm2max": 0.2881904439173162
}