{
  "bids_meta": {
    "AcquisitionMatrixPE": 256,
    "AcquisitionNumber": 1,
    "AcquisitionTime": "14:14:16.000000",
    "BodyPartExamined": "BRAIN",
    "CoilString": "32Ch Head",
    "ConversionSoftware": "dcm2niix",
    "ConversionSoftwareVersion": "v1.0.20211006",
    "Dcm2bidsVersion": "2.1.6",
    "DeviceSerialNumber": "000301496MR3T6MR",
    "EchoTime": 0.066902,
    "EchoTrainLength": 140,
    "FlipAngle": 90,
    "ImageOrientationPatientDICOM": [
      0,
      1,
      0,
      0,
      0,
      -1
    ],
    "ImageType": [
      "ORIGINAL",
      "PRIMARY",
      "OTHER"
    ],
    "ImagingFrequency": 127.697,
    "InPlanePhaseEncodingDirectionDICOM": "ROW",
    "InstitutionName": "NIH FMRIF",
    "MRAcquisitionType": "3D",
    "MagneticFieldStrength": 3,
    "Manufacturer": "GE",
    "ManufacturersModelName": "DISCOVERY MR750",
    "Modality": "MR",
    "ParallelReductionFactorInPlane": 2,
    "ParallelReductionOutOfPlane": 1.5,
    "PatientPosition": "HFS",
    "PercentPhaseFOV": 100,
    "PercentSampling": 100,
    "PhaseEncodingAxis": "i",
    "PixelBandwidth": 244.141,
    "ProcedureStepDescription": "MRI Brain",
    "ProtocolName": "ADNI3 FMRIF Enhanced Pro",
    "ReconMatrixPE": 256,
    "RepetitionTime": 3.248,
    "SAR": 0.4874,
    "ScanOptions": "SAT_GEMS\\EDR_GEMS\\PROMO_GEMS\\ACC_GEMS\\FS\\FR_GEMS",
    "ScanningSequence": "RM",
    "SequenceVariant": "NONE",
    "SeriesDescription": "ORIG Anat T2w CUBE (ABCD)",
    "SeriesNumber": 40004,
    "SliceThickness": 1,
    "SoftwareVersions": "27\\LX\\MR Software release:DV26.0_R03_1831.b",
    "SpacingBetweenSlices": 1,
    "StationName": "FMRI3tb",
    "acq_id": "CUBE",
    "dataset": "ds004215",
    "modality": "T2w",
    "session_id": "01",
    "subject_id": "ON63734"
  },
  "cjv": 2.8358592153216913,
  "cnr": 0.276248458193802,
  "efc": 0.3951175319779384,
  "fber": 6839.580178516467,
  "fwhm_avg": 2.52534,
  "fwhm_x": 2.22258,
  "fwhm_y": 2.77959,
  "fwhm_z": 2.57385,
  "icvs_csf": 0.2969698589553458,
  "icvs_gm": 0.5270202107512353,
  "icvs_wm": 0.176009930293419,
  "inu_med": 0.9331594705581665,
  "inu_range": 0.5445194244384766,
  "provenance": {
    "md5sum": "29a03c1e65119f050aca8f42873dc06e",
    "settings": {
      "testing": false
    },
    "software": "mriqc",
    "version": "22.0.6",
    "warnings": {
      "large_rot_frame": true,
      "small_air_mask": false
    },
    "webapi_port": null,
    "webapi_url": "https://mriqc.nimh.nih.gov/api/v1"
  },
  "qi_1": 0.0,
  "qi_2": 0.00988770369484723,
  "rpve_csf": 19.970716395195044,
  "rpve_gm": 13.984029994512426,
  "rpve_wm": 43.915989231245184,
  "size_x": 204,
  "size_y": 256,
  "size_z": 256,
  "snr_csf": 10.921409016050214,
  "snr_gm": 10.6885341289243,
  "snr_total": 7.379370019591103,
  "snr_wm": 0.528166913798796,
  "snrd_csf": 52.71913496582681,
  "snrd_gm": 35.467389896448495,
  "snrd_total": 37.15020776320272,
  "snrd_wm": 23.26409842733285,
  "spacing_x": 1.0,
  "spacing_y": 1.0,
  "spacing_z": 1.0,
  "summary_bg_k": 7.848177885198268,
  "summary_bg_mad": 28.314092870752518,
  "summary_bg_mean": 27.460012607195534,
  "summary_bg_median": 25.331485748291016,
  "summary_bg_n": 3535252.0,
  "summary_bg_p05": 0.0,
  "summary_bg_p95": 74.90599496662617,
  "summary_bg_stdv": 25.46459009812491,
  "summary_csf_k": 0.6542497051022993,
  "summary_csf_mad": 194.09090605184238,
  "summary_csf_mean": 2294.195565083253,
  "summary_csf_median": 2278.4484017193317,
  "summary_csf_n": 18802.0,
  "summary_csf_p05": 1981.8028504505753,
  "summary_csf_p95": 2657.723082574457,
  "summary_csf_stdv": 208.61665440596306,
  "summary_gm_k": -0.04200855700127093,
  "summary_gm_mad": 147.8787855633085,
  "summary_gm_mean": 1535.2632355972057,
  "summary_gm_median": 1532.8517411202192,
  "summary_gm_n": 185288.0,
  "summary_gm_p05": 1306.0557827800512,
  "summary_gm_p95": 1771.2249800562859,
  "summary_gm_stdv": 143.41046080055276,
  "summary_wm_k": -1.4595583780513377,
  "summary_wm_mad": 1347.7801616767015,
  "summary_wm_mean": 2038.8546850528828,
  "summary_wm_median": 1005.442291751504,
  "summary_wm_n": 39680.0,
  "summary_wm_p05": 88.36334677040577,
  "summary_wm_p95": 5183.95002682507,
  "summary_wm_stdv": 1903.6209880253505,
  "tpm_overlap_csf": 0.11076731554393124,
  "tpm_overlap_gm": 0.3373505506853497,
  "tpm_overlap_wm": 0.039416297839545415,
  "wm2max": 0.20040894983648896
}