{
  "bids_meta": {
    "AcquisitionMatrixPE": 256,
    "AcquisitionNumber": 1,
    "AcquisitionTime": "14:07:38.000000",
    "BodyPartExamined": "BRAIN",
    "CoilString": "32Ch Head",
    "ConversionSoftware": "dcm2niix",
    "ConversionSoftwareVersion": "v1.0.20211006",
    "Dcm2bidsVersion": "2.1.6",
    "DeviceSerialNumber": "000301496MR3T6MR",
    "EchoTime": 0.00292,
    "FlipAngle": 8,
    "ImageOrientationPatientDICOM": [
      0,
      1,
      0,
      0,
      0,
      -1
    ],
    "ImageType": [
      "ORIGINAL",
      "PRIMARY",
      "OTHER"
    ],
    "ImagingFrequency": 127.697,
    "InPlanePhaseEncodingDirectionDICOM": "ROW",
    "InstitutionName": "NIH FMRIF",
    "InversionTime": 1.06,
    "MRAcquisitionType": "3D",
    "MagneticFieldStrength": 3,
    "Manufacturer": "GE",
    "ManufacturersModelName": "DISCOVERY MR750",
    "Modality": "MR",
    "ParallelReductionFactorInPlane": 2,
    "ParallelReductionOutOfPlane": 2,
    "PatientPosition": "HFS",
    "PercentPhaseFOV": 100,
    "PercentSampling": 100,
    "PixelBandwidth": 244.141,
    "ProcedureStepDescription": "MRI Brain",
    "ProtocolName": "ADNI3 FMRIF Enhanced Pro",
    "ReconMatrixPE": 256,
    "RepetitionTime": 0.006952,
    "SAR": 0.0951951,
    "ScanOptions": "EDR_GEMS\\PROMO_GEMS\\ACC_GEMS\\IR_GEMS",
    "ScanningSequence": "RM",
    "SequenceVariant": "NONE",
    "SeriesDescription": "ORIG Anat T1w MP-RAGE 1mm (ABCD)",
    "SeriesNumber": 40003,
    "SliceThickness": 1,
    "SoftwareVersions": "27\\LX\\MR Software release:DV26.0_R03_1831.b",
    "SpacingBetweenSlices": 1,
    "StationName": "FMRI3tb",
    "acq_id": "MPRAGE",
    "dataset": "ds004215",
    "modality": "T1w",
    "session_id": "01",
    "subject_id": "ON63734"
  },
  "cjv": 0.3493229434813435,
  "cnr": 3.8079914917710065,
  "efc": 0.4182090242522253,
  "fber": 6779.37440926276,
  "fwhm_avg": 3.7278133333333336,
  "fwhm_x": 3.6877,
  "fwhm_y": 3.84956,
  "fwhm_z": 3.64618,
  "icvs_csf": 0.20472995144949355,
  "icvs_gm": 0.4533104303525279,
  "icvs_wm": 0.34195961819797854,
  "inu_med": 0.8330404162406921,
  "inu_range": 0.52310671210289,
  "provenance": {
    "md5sum": "6043c741c2e31a21313298fb582cf590",
    "settings": {
      "testing": false
    },
    "software": "mriqc",
    "version": "22.0.6",
    "warnings": {
      "large_rot_frame": true,
      "small_air_mask": false
    },
    "webapi_port": null,
    "webapi_url": "https://mriqc.nimh.nih.gov/api/v1"
  },
  "qi_1": 0.0,
  "qi_2": 0.0016162834997296399,
  "rpve_csf": 31.33277071941365,
  "rpve_gm": 15.309808253893282,
  "rpve_wm": 23.26145743474883,
  "size_x": 208,
  "size_y": 256,
  "size_z": 256,
  "snr_csf": 1.1075914323702079,
  "snr_gm": 7.842513167702977,
  "snr_total": 9.253736388008498,
  "snr_wm": 18.811104563952313,
  "snrd_csf": 7.4252938176452465,
  "snrd_gm": 36.05858568684036,
  "snrd_total": 33.560522513186875,
  "snrd_wm": 57.19768803507501,
  "spacing_x": 1.0,
  "spacing_y": 1.0,
  "spacing_z": 1.0,
  "summary_bg_k": 1.86529807222378,
  "summary_bg_mad": 11.45437225977462,
  "summary_bg_mean": 11.893346232750723,
  "summary_bg_median": 7.725856684148312,
  "summary_bg_n": 4976491.0,
  "summary_bg_p05": 0.0,
  "summary_bg_p95": 33.68639661744237,
  "summary_bg_stdv": 11.485447169680116,
  "summary_csf_k": 1.3029628595743157,
  "summary_csf_mad": 93.39008350509792,
  "summary_csf_mean": 164.42176584453253,
  "summary_csf_median": 129.82346809841692,
  "summary_csf_n": 24554.0,
  "summary_csf_p05": 33.52024916186929,
  "summary_csf_p95": 403.06126616112874,
  "summary_csf_stdv": 117.21002947985552,
  "summary_gm_k": 0.040988399422939636,
  "summary_gm_mad": 78.6718309777531,
  "summary_gm_mean": 629.0954917814524,
  "summary_gm_median": 630.4465201720595,
  "summary_gm_n": 30836.0,
  "summary_gm_p05": 494.52751729730517,
  "summary_gm_p95": 761.2253361400217,
  "summary_gm_stdv": 80.38702441871206,
  "summary_wm_k": 0.649666079253159,
  "summary_wm_mad": 50.43618753094309,
  "summary_wm_mean": 1000.5789073922751,
  "summary_wm_median": 1000.0415350943804,
  "summary_wm_n": 178261.0,
  "summary_wm_p05": 914.8909641131759,
  "summary_wm_p95": 1087.5597073175013,
  "summary_wm_stdv": 53.16214827779554,
  "tpm_overlap_csf": 0.14248188260586997,
  "tpm_overlap_gm": 0.4674694039192312,
  "tpm_overlap_wm": 0.4984095502061927,
  "wm2max": 0.5328168754143182
}