{
  "bids_meta": {
    "AcquisitionMatrixPE": 256,
    "AcquisitionNumber": 1,
    "AcquisitionTime": "14:07:38.000000",
    "BodyPartExamined": "BRAIN",
    "CoilString": "32Ch Head",
    "ConversionSoftware": "dcm2niix",
    "ConversionSoftwareVersion": "v1.0.20211006",
    "Dcm2bidsVersion": "2.1.6",
    "DeviceSerialNumber": "000301496MR3T6MR",
    "EchoTime": 0.00292,
    "FlipAngle": 8,
    "ImageOrientationPatientDICOM": [
      0,
      1,
      0,
      0,
      0,
      -1
    ],
    "ImageType": [
      "ORIGINAL",
      "PRIMARY",
      "OTHER"
    ],
    "ImagingFrequency": 127.697,
    "InPlanePhaseEncodingDirectionDICOM": "ROW",
    "InstitutionName": "NIH FMRIF",
    "InversionTime": 1.06,
    "MRAcquisitionType": "3D",
    "MagneticFieldStrength": 3,
    "Manufacturer": "GE",
    "ManufacturersModelName": "DISCOVERY MR750",
    "Modality": "MR",
    "ParallelReductionFactorInPlane": 2,
    "ParallelReductionOutOfPlane": 2,
    "PatientPosition": "HFS",
    "PercentPhaseFOV": 100,
    "PercentSampling": 100,
    "PixelBandwidth": 244.141,
    "ProcedureStepDescription": "MRI Brain",
    "ProtocolName": "ADNI3 FMRIF Enhanced Pro",
    "ReconMatrixPE": 256,
    "RepetitionTime": 0.006952,
    "SAR": 0.0951951,
    "ScanOptions": "EDR_GEMS\\PROMO_GEMS\\FILTERED_GEMS\\ACC_GEMS\\IR_GEMS",
    "ScanningSequence": "RM",
    "SequenceVariant": "NONE",
    "SeriesDescription": "Anat T1w MP-RAGE 1mm (ABCD)",
    "SeriesNumber": 3,
    "SliceThickness": 1,
    "SoftwareVersions": "27\\LX\\MR Software release:DV26.0_R03_1831.b",
    "SpacingBetweenSlices": 1,
    "StationName": "FMRI3tb",
    "acq_id": "MPRAGE",
    "dataset": "ds004215",
    "modality": "T1w",
    "rec_id": "SCIC",
    "session_id": "01",
    "subject_id": "ON63734"
  },
  "cjv": 0.33513549464133907,
  "cnr": 3.9678962610476876,
  "efc": 0.6713090861070192,
  "fber": 20122.795265348595,
  "fwhm_avg": 3.3524499999999997,
  "fwhm_x": 3.29193,
  "fwhm_y": 3.51112,
  "fwhm_z": 3.2543,
  "icvs_csf": 0.21124747028676222,
  "icvs_gm": 0.45012434262421885,
  "icvs_wm": 0.33862818708901893,
  "inu_med": 0.4478304535150528,
  "inu_range": 0.07223434597253797,
  "provenance": {
    "md5sum": "b248ce11e58e38ca3edcf6dd513c756d",
    "settings": {
      "testing": false
    },
    "software": "mriqc",
    "version": "22.0.6",
    "warnings": {
      "large_rot_frame": true,
      "small_air_mask": false
    },
    "webapi_port": null,
    "webapi_url": "https://mriqc.nimh.nih.gov/api/v1"
  },
  "qi_1": 0.0,
  "qi_2": 0.0018236073908665454,
  "rpve_csf": 30.170098868798434,
  "rpve_gm": 15.25322624077045,
  "rpve_wm": 23.376751496851185,
  "size_x": 208,
  "size_y": 256,
  "size_z": 256,
  "snr_csf": 1.7492663602347245,
  "snr_gm": 8.390438646639497,
  "snr_total": 10.201717961792491,
  "snr_wm": 20.465448878503253,
  "snrd_csf": 11.223957160290665,
  "snrd_gm": 39.68700728843329,
  "snrd_total": 37.68371053262408,
  "snrd_wm": 62.14016714914829,
  "spacing_x": 1.0,
  "spacing_y": 1.0,
  "spacing_z": 1.0,
  "summary_bg_k": 6.016170216639676,
  "summary_bg_mad": 0.0,
  "summary_bg_mean": 6.588577294126384,
  "summary_bg_median": 0.0,
  "summary_bg_n": 959875.0,
  "summary_bg_p05": 0.0,
  "summary_bg_p95": 30.028218710795045,
  "summary_bg_stdv": 10.543135280760286,
  "summary_csf_k": 1.7559115441792335,
  "summary_csf_mad": 87.1088235827896,
  "summary_csf_mean": 202.71165660824644,
  "summary_csf_median": 180.62757423706353,
  "summary_csf_n": 27361.0,
  "summary_csf_p05": 76.11972550302744,
  "summary_csf_p95": 411.5916082728654,
  "summary_csf_stdv": 103.25715825278805,
  "summary_gm_k": 0.017761853094413915,
  "summary_gm_mad": 74.64682644871645,
  "summary_gm_mean": 638.3456853194224,
  "summary_gm_median": 638.6845345953479,
  "summary_gm_n": 29900.0,
  "summary_gm_p05": 511.4673932290636,
  "summary_gm_p95": 765.371056835819,
  "summary_gm_stdv": 76.11924490008123,
  "summary_wm_k": 0.48966044023006994,
  "summary_wm_mad": 46.45088745239889,
  "summary_wm_mean": 999.6556988974518,
  "summary_wm_median": 1000.0240997485816,
  "summary_wm_n": 177899.0,
  "summary_wm_p05": 918.6681282358244,
  "summary_wm_p95": 1078.7245637271553,
  "summary_wm_stdv": 48.86388248946637,
  "tpm_overlap_csf": 0.14350455381487046,
  "tpm_overlap_gm": 0.46820639542086245,
  "tpm_overlap_wm": 0.4991272438794007,
  "wm2max": 0.7029483071393452
}