{
  "bids_meta": {
    "AcquisitionMatrixPE": 256,
    "AcquisitionNumber": 1,
    "AcquisitionTime": "14:06:43.000000",
    "BodyPartExamined": "BRAIN",
    "CoilString": "32Ch Head",
    "ConversionSoftware": "dcm2niix",
    "ConversionSoftwareVersion": "v1.0.20211006",
    "Dcm2bidsVersion": "2.1.6",
    "DeviceSerialNumber": "000301496MR3T6MR",
    "EchoTime": 0.066902,
    "EchoTrainLength": 140,
    "FlipAngle": 90,
    "ImageOrientationPatientDICOM": [
      0,
      1,
      0,
      0,
      0,
      -1
    ],
    "ImageType": [
      "ORIGINAL",
      "PRIMARY",
      "OTHER"
    ],
    "ImagingFrequency": 127.697,
    "InPlanePhaseEncodingDirectionDICOM": "ROW",
    "InstitutionName": "NIH FMRIF",
    "MRAcquisitionType": "3D",
    "MagneticFieldStrength": 3,
    "Manufacturer": "GE",
    "ManufacturersModelName": "DISCOVERY MR750",
    "Modality": "MR",
    "ParallelReductionFactorInPlane": 2,
    "ParallelReductionOutOfPlane": 1.5,
    "PatientPosition": "HFS",
    "PercentPhaseFOV": 100,
    "PercentSampling": 100,
    "PhaseEncodingAxis": "i",
    "PixelBandwidth": 244.141,
    "ProcedureStepDescription": "MRI Brain",
    "ProtocolName": "ADNI3 FMRIF Enhanced Pro",
    "ReconMatrixPE": 256,
    "RepetitionTime": 3.202,
    "SAR": 0.4765,
    "ScanOptions": "SAT_GEMS\\EDR_GEMS\\PROMO_GEMS\\ACC_GEMS\\FS\\FR_GEMS",
    "ScanningSequence": "RM",
    "SequenceVariant": "NONE",
    "SeriesDescription": "Sag_CUBE_T2",
    "SeriesNumber": 4,
    "SliceThickness": 1,
    "SoftwareVersions": "27\\LX\\MR Software release:DV26.0_R01_1725.a",
    "SpacingBetweenSlices": 1,
    "StationName": "fmrif3tb",
    "acq_id": "CUBE",
    "dataset": "ds004215",
    "modality": "T2w",
    "session_id": "01",
    "subject_id": "ON56044"
  },
  "cjv": 3.5888896616069657,
  "cnr": 0.4110422771777779,
  "efc": 0.3686687949906403,
  "fber": -1.0,
  "fwhm_avg": 2.463486666666667,
  "fwhm_x": 2.08557,
  "fwhm_y": 2.76948,
  "fwhm_z": 2.53541,
  "icvs_csf": 0.33660652604936725,
  "icvs_gm": 0.49599483062649935,
  "icvs_wm": 0.16739864332413343,
  "inu_med": 0.9534823000431061,
  "inu_range": 0.5803810685873032,
  "provenance": {
    "md5sum": "d6d69c0922efe1244e62144e4f83f020",
    "settings": {
      "testing": false
    },
    "software": "mriqc",
    "version": "22.0.6",
    "warnings": {
      "large_rot_frame": true,
      "small_air_mask": false
    },
    "webapi_port": null,
    "webapi_url": "https://mriqc.nimh.nih.gov/api/v1"
  },
  "qi_1": 0.0,
  "qi_2": 0.011533851865153249,
  "rpve_csf": 18.966068923574753,
  "rpve_gm": 14.780431842819942,
  "rpve_wm": 45.32622392594254,
  "size_x": 204,
  "size_y": 256,
  "size_z": 256,
  "snr_csf": 12.925313233241837,
  "snr_gm": 11.2212641161039,
  "snr_total": 8.393761130540723,
  "snr_wm": 1.0347060422764318,
  "snrd_csf": 95.80343810029431,
  "snrd_gm": 65.58945920255245,
  "snrd_total": 90.10730183673586,
  "snrd_wm": 108.92900820736078,
  "spacing_x": 1.0,
  "spacing_y": 1.0,
  "spacing_z": 1.0,
  "summary_bg_k": 2.7160899284370794,
  "summary_bg_mad": 0.0,
  "summary_bg_mean": 4.468847635657483,
  "summary_bg_median": 0.0,
  "summary_bg_n": 4068351.0,
  "summary_bg_p05": 0.0,
  "summary_bg_p95": 16.567210644483566,
  "summary_bg_stdv": 6.029454099327157,
  "summary_csf_k": 0.5273948666030934,
  "summary_csf_mad": 65.48082029136512,
  "summary_csf_mean": 883.8074213038808,
  "summary_csf_median": 881.7132319062948,
  "summary_csf_n": 22075.0,
  "summary_csf_p05": 776.4093714520335,
  "summary_csf_p95": 997.7740016415715,
  "summary_csf_stdv": 68.21445986762745,
  "summary_gm_k": 0.0903930501698671,
  "summary_gm_mad": 54.42183730882345,
  "summary_gm_mean": 605.314303859136,
  "summary_gm_median": 603.6432011127472,
  "summary_gm_n": 151085.0,
  "summary_gm_p05": 520.100489616394,
  "summary_gm_p95": 694.9198948293924,
  "summary_gm_stdv": 53.79440294513031,
  "summary_wm_k": -1.7212442570856012,
  "summary_wm_mad": 1377.0762020208065,
  "summary_wm_mean": 1088.0582507799325,
  "summary_wm_median": 1002.5125379562378,
  "summary_wm_n": 39949.0,
  "summary_wm_p05": 30.739634916186333,
  "summary_wm_p95": 2436.9503164589405,
  "summary_wm_stdv": 968.874201476077,
  "tpm_overlap_csf": 0.10954472142320724,
  "tpm_overlap_gm": 0.32286006377050347,
  "tpm_overlap_wm": 0.04377516964218521,
  "wm2max": 0.42671657503801613
}