{
  "aor": 0.001806984924623116,
  "aqi": 0.003168806381909548,
  "bids_meta": {
    "AcquisitionMatrixPE": 64,
    "AcquisitionNumber": 1,
    "AcquisitionTime": "15:51:42.000000",
    "BodyPartExamined": "BRAIN",
    "CoilString": "32Ch Head",
    "ConversionSoftware": "dcm2niix",
    "ConversionSoftwareVersion": "v1.0.20211006",
    "Dcm2bidsVersion": "2.1.6",
    "DeviceSerialNumber": "000301496MR3T6MR",
    "EchoTime": 0.0169,
    "EffectiveEchoSpacing": 0.000416,
    "FlipAngle": 90,
    "ImageOrientationPatientDICOM": [
      1,
      0,
      0,
      0,
      1,
      0
    ],
    "ImageType": [
      "ORIGINAL",
      "PRIMARY",
      "OTHER"
    ],
    "ImagingFrequency": 127.697,
    "InPlanePhaseEncodingDirectionDICOM": "COL",
    "InstitutionName": "NIH FMRIF",
    "InternalPulseSequenceName": "EPI",
    "MRAcquisitionType": "2D",
    "MagneticFieldStrength": 3,
    "Manufacturer": "GE",
    "ManufacturersModelName": "DISCOVERY MR750",
    "Modality": "MR",
    "PatientPosition": "HFS",
    "PercentPhaseFOV": 100,
    "PercentSampling": 100,
    "PhaseEncodingDirection": "j",
    "PhaseEncodingPolarityGE": "Flipped",
    "PixelBandwidth": 7812.5,
    "ProcedureStepDescription": "MRI Brain",
    "ProtocolName": "ADNI3 FMRIF Enhanced Pro",
    "PulseSequenceName": "epi",
    "ReconMatrixPE": 64,
    "RepetitionTime": 3,
    "SAR": 0.167538,
    "ScanOptions": "MP_GEMS\\EPI_GEMS\\PFF",
    "ScanningSequence": "EP\\GR",
    "SequenceVariant": "SS",
    "SeriesDescription": "Axial rsfMRI with Eyes Open - RKV",
    "SeriesNumber": 11,
    "SliceThickness": 3.4,
    "SliceTiming": [
      0,
      1.5,
      0.0625,
      1.5625,
      0.125,
      1.625,
      0.1875,
      1.6875,
      0.25,
      1.75,
      0.3125,
      1.8125,
      0.375,
      1.875,
      0.4375,
      1.9375,
      0.5,
      2,
      0.5625,
      2.0625,
      0.625,
      2.125,
      0.6875,
      2.1875,
      0.75,
      2.25,
      0.8125,
      2.3125,
      0.875,
      2.375,
      0.9375,
      2.4375,
      1,
      2.5,
      1.0625,
      2.5625,
      1.125,
      2.625,
      1.1875,
      2.6875,
      1.25,
      2.75,
      1.3125,
      2.8125,
      1.375,
      2.875,
      1.4375,
      2.9375
    ],
    "SoftwareVersions": "27\\LX\\MR Software release:DV26.0_R01_1725.a",
    "SpacingBetweenSlices": 3.4,
    "StationName": "fmrif3tb",
    "TaskName": "Resting state with eyes open.",
    "TotalReadoutTime": 0.026208,
    "TriggerDelayTime": 599938,
    "dataset": "ds004215",
    "modality": "bold",
    "session_id": "01",
    "subject_id": "ON48984",
    "task_id": "rest"
  },
  "dummy_trs": 1,
  "dvars_nstd": 14.46941025818183,
  "dvars_std": 1.1735558027272726,
  "dvars_vstd": 0.9315458888888889,
  "efc": 0.44628989789931406,
  "fber": 5759.57861328125,
  "fd_mean": 0.09461105094454608,
  "fd_num": 22,
  "fd_perc": 11.055276381909549,
  "fwhm_avg": 2.627255068515035,
  "fwhm_x": 2.5943650909090907,
  "fwhm_y": 2.4638952727272727,
  "fwhm_z": 2.823504841908741,
  "gcor": 0.0451817,
  "gsr_x": -0.009022975340485573,
  "gsr_y": 0.044537436217069626,
  "provenance": {
    "md5sum": "0e8888adad3836f45e22db0a47c50040",
    "settings": {
      "fd_thres": 0.2,
      "testing": false
    },
    "software": "mriqc",
    "version": "22.0.6",
    "webapi_port": null,
    "webapi_url": "https://mriqc.nimh.nih.gov/api/v1"
  },
  "size_t": 199,
  "size_x": 64,
  "size_y": 64,
  "size_z": 48,
  "snr": 4.1332715907552435,
  "spacing_tr": 3.0,
  "spacing_x": 3.4375,
  "spacing_y": 3.4375,
  "spacing_z": 3.3999977111816406,
  "summary_bg_k": 27.959847470930676,
  "summary_bg_mad": 8.776408572571382,
  "summary_bg_mean": 119.18736267089844,
  "summary_bg_median": 33.21607971191406,
  "summary_bg_n": 135511.0,
  "summary_bg_p05": 23.71859359741211,
  "summary_bg_p95": 589.9371948242188,
  "summary_bg_stdv": 244.95046997070312,
  "summary_fg_k": 1.593705398065227,
  "summary_fg_mad": 527.8212302887166,
  "summary_fg_mean": 2596.40087890625,
  "summary_fg_median": 2512.386962890625,
  "summary_fg_n": 25085.0,
  "summary_fg_p05": 1724.040185546875,
  "summary_fg_p95": 3685.2552734374995,
  "summary_fg_stdv": 607.83251953125,
  "tsnr": 95.90107367374003
}