{
  "aor": 0.0353975,
  "aqi": 0.00248722025,
  "bids_meta": {
    "AcquisitionMatrixPE": 64,
    "AcquisitionNumber": 1,
    "AcquisitionTime": "16:02:33.000000",
    "BodyPartExamined": "BRAIN",
    "CoilString": "32Ch Head",
    "ConversionSoftware": "dcm2niix",
    "ConversionSoftwareVersion": "v1.0.20211006",
    "Dcm2bidsVersion": "2.1.6",
    "DeviceSerialNumber": "000301496MR3T6MR",
    "EchoTime": 0.0169,
    "EffectiveEchoSpacing": 0.000416,
    "FlipAngle": 90,
    "ImageOrientationPatientDICOM": [
      1,
      0,
      0,
      0,
      1,
      0
    ],
    "ImageType": [
      "ORIGINAL",
      "PRIMARY",
      "OTHER"
    ],
    "ImagingFrequency": 127.697,
    "InPlanePhaseEncodingDirectionDICOM": "COL",
    "InstitutionName": "NIH FMRIF",
    "InternalPulseSequenceName": "EPI",
    "MRAcquisitionType": "2D",
    "MagneticFieldStrength": 3,
    "Manufacturer": "GE",
    "ManufacturersModelName": "DISCOVERY MR750",
    "Modality": "MR",
    "PatientPosition": "HFS",
    "PercentPhaseFOV": 100,
    "PercentSampling": 100,
    "PhaseEncodingDirection": "j-",
    "PhaseEncodingPolarityGE": "Unflipped",
    "PixelBandwidth": 7812.5,
    "ProcedureStepDescription": "MRI Brain",
    "ProtocolName": "ADNI3 FMRIF Enhanced Pro",
    "PulseSequenceName": "epi",
    "ReconMatrixPE": 64,
    "RepetitionTime": 3,
    "SAR": 0.168567,
    "ScanOptions": "MP_GEMS\\EPI_GEMS\\PFF",
    "ScanningSequence": "EP\\GR",
    "SequenceVariant": "SS",
    "SeriesDescription": "Axial rsfMRI reverse blip - RKV",
    "SeriesNumber": 12,
    "SliceThickness": 3.4,
    "SliceTiming": [
      0,
      1.5,
      0.0625,
      1.5625,
      0.125,
      1.625,
      0.1875,
      1.6875,
      0.25,
      1.75,
      0.3125,
      1.8125,
      0.375,
      1.875,
      0.4375,
      1.9375,
      0.5,
      2,
      0.5625,
      2.0625,
      0.625,
      2.125,
      0.6875,
      2.1875,
      0.75,
      2.25,
      0.8125,
      2.3125,
      0.875,
      2.375,
      0.9375,
      2.4375,
      1,
      2.5,
      1.0625,
      2.5625,
      1.125,
      2.625,
      1.1875,
      2.6875,
      1.25,
      2.75,
      1.3125,
      2.8125,
      1.375,
      2.875,
      1.4375,
      2.9375
    ],
    "SoftwareVersions": "27\\LX\\MR Software release:DV26.0_R01_1725.a",
    "SpacingBetweenSlices": 3.4,
    "StationName": "fmrif3tb",
    "TaskName": "Resting state with reverse blip.",
    "TotalReadoutTime": 0.026208,
    "TriggerDelayTime": 29938,
    "dataset": "ds004215",
    "modality": "bold",
    "session_id": "01",
    "subject_id": "ON48984",
    "task_id": "rest"
  },
  "dummy_trs": 2,
  "dvars_nstd": 17.97140816285714,
  "dvars_std": 1.2686091857142856,
  "dvars_vstd": 1.1145333985714285,
  "efc": 0.45494997681716903,
  "fber": 5468.630859375,
  "fd_mean": 0.11848916438396317,
  "fd_num": 1,
  "fd_perc": 12.5,
  "fwhm_avg": 2.5596935645231826,
  "fwhm_x": 2.5299519999999998,
  "fwhm_y": 2.5300916363636365,
  "fwhm_z": 2.6190370572059116,
  "gcor": 0.0101281,
  "gsr_x": -0.011502965353429317,
  "gsr_y": 0.04787946864962578,
  "provenance": {
    "md5sum": "2094f464cd05b73cf1cfe4009b7148db",
    "settings": {
      "fd_thres": 0.2,
      "testing": false
    },
    "software": "mriqc",
    "version": "22.0.6",
    "webapi_port": null,
    "webapi_url": "https://mriqc.nimh.nih.gov/api/v1"
  },
  "size_t": 8,
  "size_x": 64,
  "size_y": 64,
  "size_z": 48,
  "snr": 4.476676134467607,
  "spacing_tr": 3.0,
  "spacing_x": 3.4375,
  "spacing_y": 3.4375,
  "spacing_z": 3.3999977111816406,
  "summary_bg_k": 36.48727403751198,
  "summary_bg_mad": 8.895613311033612,
  "summary_bg_mean": 117.66813659667969,
  "summary_bg_median": 33.25,
  "summary_bg_n": 133607.0,
  "summary_bg_p05": 24.25,
  "summary_bg_p95": 599.0,
  "summary_bg_stdv": 236.6923370361328,
  "summary_fg_k": 0.8999717981704265,
  "summary_fg_mad": 490.18535849341464,
  "summary_fg_mean": 2555.017333984375,
  "summary_fg_median": 2474.875,
  "summary_fg_n": 26082.0,
  "summary_fg_p05": 1751.8937500000002,
  "summary_fg_p95": 3576.7437499999996,
  "summary_fg_stdv": 552.8270263671875,
  "tsnr": 145.75866920221597
}