{
  "bids_meta": {
    "AcquisitionMatrixPE": 256,
    "AcquisitionNumber": 1,
    "AcquisitionTime": "09:03:55.000000",
    "BodyPartExamined": "BRAIN",
    "CoilString": "32Ch Head",
    "ConversionSoftware": "dcm2niix",
    "ConversionSoftwareVersion": "v1.0.20211006",
    "Dcm2bidsVersion": "2.1.6",
    "DeviceSerialNumber": "000301496mr3T5mr",
    "EchoTime": 0.00292,
    "FlipAngle": 8,
    "ImageOrientationPatientDICOM": [
      0,
      1,
      0,
      0,
      0,
      -1
    ],
    "ImageType": [
      "ORIGINAL",
      "PRIMARY",
      "OTHER"
    ],
    "ImagingFrequency": 127.824,
    "InPlanePhaseEncodingDirectionDICOM": "ROW",
    "InstitutionName": "NIH FMRIF",
    "InversionTime": 1.06,
    "MRAcquisitionType": "3D",
    "MagneticFieldStrength": 3,
    "Manufacturer": "GE",
    "ManufacturersModelName": "DISCOVERY MR750",
    "Modality": "MR",
    "ParallelReductionFactorInPlane": 2,
    "ParallelReductionOutOfPlane": 2,
    "PatientPosition": "HFS",
    "PercentPhaseFOV": 100,
    "PercentSampling": 100,
    "PixelBandwidth": 244.141,
    "ProcedureStepDescription": "MR BRAIN",
    "ProtocolName": "ADNI3 FMRIF Enhanced Pro",
    "ReconMatrixPE": 256,
    "RepetitionTime": 0.006952,
    "SAR": 0.0948888,
    "ScanOptions": "EDR_GEMS\\PROMO_GEMS\\ACC_GEMS\\IR_GEMS",
    "ScanningSequence": "RM",
    "SequenceVariant": "NONE",
    "SeriesDescription": "ORIG Anat T1w MP-RAGE 1mm (ABCD)",
    "SeriesNumber": 40003,
    "SliceThickness": 1,
    "SoftwareVersions": "27\\LX\\MR Software release:DV26.0_R03_1831.b",
    "SpacingBetweenSlices": 1,
    "StationName": "FMRI3ta",
    "acq_id": "MPRAGE",
    "dataset": "ds004215",
    "modality": "T1w",
    "session_id": "01",
    "subject_id": "ON98098"
  },
  "cjv": 0.37822861911157285,
  "cnr": 3.5014798123560773,
  "efc": 0.4157772347246337,
  "fber": 7656.744358262313,
  "fwhm_avg": 3.5359,
  "fwhm_x": 3.5494,
  "fwhm_y": 3.63159,
  "fwhm_z": 3.42671,
  "icvs_csf": 0.21706836052904838,
  "icvs_gm": 0.4226375567300471,
  "icvs_wm": 0.3602940827409045,
  "inu_med": 0.8253247141838074,
  "inu_range": 0.46615623235702497,
  "provenance": {
    "md5sum": "eaba554a55840f047bc593235dc9b318",
    "settings": {
      "testing": false
    },
    "software": "mriqc",
    "version": "22.0.6",
    "warnings": {
      "large_rot_frame": true,
      "small_air_mask": false
    },
    "webapi_port": null,
    "webapi_url": "https://mriqc.nimh.nih.gov/api/v1"
  },
  "qi_1": 0.0,
  "qi_2": 0.0017865389352996566,
  "rpve_csf": 30.876970782298045,
  "rpve_gm": 16.438117864465372,
  "rpve_wm": 22.833331369423266,
  "size_x": 208,
  "size_y": 256,
  "size_z": 256,
  "snr_csf": 1.2510596204871518,
  "snr_gm": 7.6665754054919795,
  "snr_total": 9.221656725793919,
  "snr_wm": 18.747335151402627,
  "snrd_csf": 10.450920111012424,
  "snrd_gm": 39.63217953031545,
  "snrd_total": 37.08808514252083,
  "snrd_wm": 61.181155786234605,
  "spacing_x": 1.0,
  "spacing_y": 1.0,
  "spacing_z": 1.0,
  "summary_bg_k": 2.2038399192758753,
  "summary_bg_mad": 10.708597724128149,
  "summary_bg_mean": 11.18512773472214,
  "summary_bg_median": 7.222839403897524,
  "summary_bg_n": 4944664.0,
  "summary_bg_p05": 0.0,
  "summary_bg_p95": 33.59261403232813,
  "summary_bg_stdv": 11.587194972477846,
  "summary_csf_k": 0.018464473243763546,
  "summary_csf_mad": 128.88335959098612,
  "summary_csf_mean": 208.28543779468058,
  "summary_csf_median": 170.82656270638108,
  "summary_csf_n": 20539.0,
  "summary_csf_p05": 42.738694697618484,
  "summary_csf_p95": 471.80099850594985,
  "summary_csf_stdv": 136.54217694211846,
  "summary_gm_k": 0.09499472197489922,
  "summary_gm_mad": 81.64513708603029,
  "summary_gm_mean": 646.3637410738615,
  "summary_gm_median": 647.8117648791522,
  "summary_gm_n": 19960.0,
  "summary_gm_p05": 503.45968660321086,
  "summary_gm_p95": 784.4708781095221,
  "summary_gm_stdv": 84.49607584401006,
  "summary_wm_k": 0.46475939124342336,
  "summary_wm_mad": 51.57868962982434,
  "summary_wm_mean": 1000.3049254627056,
  "summary_wm_median": 1000.0427172295749,
  "summary_wm_n": 181741.0,
  "summary_wm_p05": 914.0097248032689,
  "summary_wm_p95": 1087.3151318021119,
  "summary_wm_stdv": 53.343046244392596,
  "tpm_overlap_csf": 0.15089753525591926,
  "tpm_overlap_gm": 0.46430597461238504,
  "tpm_overlap_wm": 0.5143423690954922,
  "wm2max": 0.49975164592176063
}