{
  "bids_meta": {
    "AcquisitionMatrixPE": 256,
    "AcquisitionNumber": 1,
    "AcquisitionTime": "14:39:11.000000",
    "BodyPartExamined": "BRAIN",
    "CoilString": "32Ch Head",
    "ConversionSoftware": "dcm2niix",
    "ConversionSoftwareVersion": "v1.0.20211006",
    "Dcm2bidsVersion": "2.1.6",
    "DeviceSerialNumber": "000301496MR3T6MR",
    "EchoTime": 0.066091,
    "EchoTrainLength": 140,
    "FlipAngle": 90,
    "ImageOrientationPatientDICOM": [
      0,
      1,
      0,
      0,
      0,
      -1
    ],
    "ImageType": [
      "ORIGINAL",
      "PRIMARY",
      "OTHER"
    ],
    "ImagingFrequency": 127.696,
    "InPlanePhaseEncodingDirectionDICOM": "ROW",
    "InstitutionName": "NIH FMRIF",
    "MRAcquisitionType": "3D",
    "MagneticFieldStrength": 3,
    "Manufacturer": "GE",
    "ManufacturersModelName": "DISCOVERY MR750",
    "Modality": "MR",
    "ParallelReductionFactorInPlane": 2,
    "ParallelReductionOutOfPlane": 1.5,
    "PatientPosition": "HFS",
    "PercentPhaseFOV": 100,
    "PercentSampling": 100,
    "PhaseEncodingAxis": "i",
    "PixelBandwidth": 244.141,
    "ProcedureStepDescription": "MRI Brain",
    "ProtocolName": "ADNI3 FMRIF Enhanced Pro",
    "ReconMatrixPE": 256,
    "RepetitionTime": 3.202,
    "SAR": 0.4633,
    "ScanOptions": "SAT_GEMS\\EDR_GEMS\\PROMO_GEMS\\FILTERED_GEMS\\ACC_GEMS\\FS\\FR_GEMS",
    "ScanningSequence": "RM",
    "SequenceVariant": "NONE",
    "SeriesDescription": "Anat T2w CUBE (ABCD)",
    "SeriesNumber": 4,
    "SliceThickness": 1,
    "SoftwareVersions": "27\\LX\\MR Software release:DV26.0_R03_1831.b",
    "SpacingBetweenSlices": 1,
    "StationName": "FMRI3tb",
    "acq_id": "CUBE",
    "dataset": "ds004215",
    "modality": "T2w",
    "rec_id": "SCIC",
    "session_id": "01",
    "subject_id": "ON65733"
  },
  "cjv": 9.982427982655214,
  "cnr": 0.13624950593387067,
  "efc": 0.44919488158636045,
  "fber": 7585.770747411835,
  "fwhm_avg": 2.2513107264624637,
  "fwhm_x": 1.8762421793873907,
  "fwhm_y": 2.52399,
  "fwhm_z": 2.3537,
  "icvs_csf": 0.2722082110634675,
  "icvs_gm": 0.5067018366960615,
  "icvs_wm": 0.22108995224047095,
  "inu_med": 0.8566681742668152,
  "inu_range": 0.18840017914772034,
  "provenance": {
    "md5sum": "99c1b8cd66864ba14b1104f804cf747c",
    "settings": {
      "testing": false
    },
    "software": "mriqc",
    "version": "22.0.6",
    "warnings": {
      "large_rot_frame": true,
      "small_air_mask": false
    },
    "webapi_port": null,
    "webapi_url": "https://mriqc.nimh.nih.gov/api/v1"
  },
  "qi_1": 0.0,
  "qi_2": 0.020489283750140905,
  "rpve_csf": 19.485577610332424,
  "rpve_gm": 12.958536088052732,
  "rpve_wm": 31.490784841093117,
  "size_x": 204,
  "size_y": 256,
  "size_z": 256,
  "snr_csf": 12.40243748396493,
  "snr_gm": 11.890062014249741,
  "snr_total": 8.411877735536406,
  "snr_wm": 0.9431337083945439,
  "snrd_csf": 63.18923850959152,
  "snrd_gm": 45.31287037039204,
  "snrd_total": 53.829056378616535,
  "snrd_wm": 52.985060255866046,
  "spacing_x": 0.9998016357421875,
  "spacing_y": 1.0,
  "spacing_z": 1.0,
  "summary_bg_k": 11.023847291032883,
  "summary_bg_mad": 12.399968245358236,
  "summary_bg_mean": 8.233711930744322,
  "summary_bg_median": 8.865470573306084,
  "summary_bg_n": 3114358.0,
  "summary_bg_p05": 0.0,
  "summary_bg_p95": 18.776397582143545,
  "summary_bg_stdv": 7.415457250279914,
  "summary_csf_k": 0.7712252788873188,
  "summary_csf_mad": 89.2177715253525,
  "summary_csf_mean": 1201.961000385148,
  "summary_csf_median": 1196.0021622478962,
  "summary_csf_n": 17375.0,
  "summary_csf_p05": 1054.8111797165125,
  "summary_csf_p95": 1368.724110874906,
  "summary_csf_stdv": 96.43005626680412,
  "summary_gm_k": 0.0825671223421871,
  "summary_gm_mad": 73.34581217129397,
  "summary_gm_mean": 858.6086195725021,
  "summary_gm_median": 857.6506414525211,
  "summary_gm_n": 187332.0,
  "summary_gm_p05": 742.734070058912,
  "summary_gm_p95": 976.7072203308344,
  "summary_gm_stdv": 72.13152894427148,
  "summary_wm_k": -1.7754594152097174,
  "summary_wm_mad": 1376.2414756316973,
  "summary_wm_mean": 1250.702844125045,
  "summary_wm_median": 1002.8645403478295,
  "summary_wm_n": 67312.0,
  "summary_wm_p05": 48.2582690641284,
  "summary_wm_p95": 2652.341795158945,
  "summary_wm_stdv": 1063.3244067303788,
  "tpm_overlap_csf": 0.10231996814917205,
  "tpm_overlap_gm": 0.32858000131938747,
  "tpm_overlap_wm": 0.04720206326883117,
  "wm2max": 0.37905629374398914
}