{
  "bids_meta": {
    "AcquisitionMatrixPE": 256,
    "AcquisitionNumber": 1,
    "AcquisitionTime": "14:39:11.000000",
    "BodyPartExamined": "BRAIN",
    "CoilString": "32Ch Head",
    "ConversionSoftware": "dcm2niix",
    "ConversionSoftwareVersion": "v1.0.20211006",
    "Dcm2bidsVersion": "2.1.6",
    "DeviceSerialNumber": "000301496MR3T6MR",
    "EchoTime": 0.066091,
    "EchoTrainLength": 140,
    "FlipAngle": 90,
    "ImageOrientationPatientDICOM": [
      0,
      1,
      0,
      0,
      0,
      -1
    ],
    "ImageType": [
      "ORIGINAL",
      "PRIMARY",
      "OTHER"
    ],
    "ImagingFrequency": 127.696,
    "InPlanePhaseEncodingDirectionDICOM": "ROW",
    "InstitutionName": "NIH FMRIF",
    "MRAcquisitionType": "3D",
    "MagneticFieldStrength": 3,
    "Manufacturer": "GE",
    "ManufacturersModelName": "DISCOVERY MR750",
    "Modality": "MR",
    "ParallelReductionFactorInPlane": 2,
    "ParallelReductionOutOfPlane": 1.5,
    "PatientPosition": "HFS",
    "PercentPhaseFOV": 100,
    "PercentSampling": 100,
    "PhaseEncodingAxis": "i",
    "PixelBandwidth": 244.141,
    "ProcedureStepDescription": "MRI Brain",
    "ProtocolName": "ADNI3 FMRIF Enhanced Pro",
    "ReconMatrixPE": 256,
    "RepetitionTime": 3.202,
    "SAR": 0.4633,
    "ScanOptions": "SAT_GEMS\\EDR_GEMS\\PROMO_GEMS\\ACC_GEMS\\FS\\FR_GEMS",
    "ScanningSequence": "RM",
    "SequenceVariant": "NONE",
    "SeriesDescription": "ORIG Anat T2w CUBE (ABCD)",
    "SeriesNumber": 40004,
    "SliceThickness": 1,
    "SoftwareVersions": "27\\LX\\MR Software release:DV26.0_R03_1831.b",
    "SpacingBetweenSlices": 1,
    "StationName": "FMRI3tb",
    "acq_id": "CUBE",
    "dataset": "ds004215",
    "modality": "T2w",
    "session_id": "01",
    "subject_id": "ON65733"
  },
  "cjv": 11.098366821124317,
  "cnr": 0.09623311463586624,
  "efc": 0.4071337996587517,
  "fber": 8491.6225,
  "fwhm_avg": 2.340043750642268,
  "fwhm_x": 1.9723912519268043,
  "fwhm_y": 2.5567,
  "fwhm_z": 2.49104,
  "icvs_csf": 0.23585007077509057,
  "icvs_gm": 0.5514613398435889,
  "icvs_wm": 0.21268858938132057,
  "inu_med": 0.8892515599727631,
  "inu_range": 0.454455628991127,
  "provenance": {
    "md5sum": "8541ab21684352cb059f43b23d6b3015",
    "settings": {
      "testing": false
    },
    "software": "mriqc",
    "version": "22.0.6",
    "warnings": {
      "large_rot_frame": true,
      "small_air_mask": false
    },
    "webapi_port": null,
    "webapi_url": "https://mriqc.nimh.nih.gov/api/v1"
  },
  "qi_1": 1.713554830694663e-06,
  "qi_2": 0.014260458143253794,
  "rpve_csf": 21.604370754963426,
  "rpve_gm": 12.197087504036164,
  "rpve_wm": 32.73265812968425,
  "size_x": 204,
  "size_y": 256,
  "size_z": 256,
  "snr_csf": 11.308512925997684,
  "snr_gm": 10.930538514697322,
  "snr_total": 7.651892288561084,
  "snr_wm": 0.7166254249882456,
  "snrd_csf": 67.86560542490514,
  "snrd_gm": 48.037809703975356,
  "snrd_total": 52.746707867395514,
  "snrd_wm": 42.33670847330605,
  "spacing_x": 0.9998016357421875,
  "spacing_y": 1.0,
  "spacing_z": 1.0,
  "summary_bg_k": 4.596820668029429,
  "summary_bg_mad": 15.59224226957918,
  "summary_bg_mean": 12.086770541760522,
  "summary_bg_median": 10.71036846935749,
  "summary_bg_n": 3839689.0,
  "summary_bg_p05": 0.0,
  "summary_bg_p95": 31.61494307219982,
  "summary_bg_stdv": 11.499564203324848,
  "summary_csf_k": 1.1676449753923297,
  "summary_csf_mad": 127.9903077097972,
  "summary_csf_mean": 1627.4583965134404,
  "summary_csf_median": 1615.2009895294905,
  "summary_csf_n": 13452.0,
  "summary_csf_p05": 1413.8750964369624,
  "summary_csf_p95": 1879.6922484744339,
  "summary_csf_stdv": 142.82522938815214,
  "summary_gm_k": -0.031669980036205914,
  "summary_gm_mad": 107.80648489457506,
  "summary_gm_mean": 1146.758929391867,
  "summary_gm_median": 1143.29957395792,
  "summary_gm_n": 235861.0,
  "summary_gm_p05": 982.063364289701,
  "summary_gm_p95": 1321.5691407099366,
  "summary_gm_stdv": 104.59659867130053,
  "summary_wm_k": -1.615652326897379,
  "summary_wm_mad": 1398.0884471842608,
  "summary_wm_mean": 1582.7723114234477,
  "summary_wm_median": 1007.6133999153972,
  "summary_wm_n": 62206.0,
  "summary_wm_p05": 59.95548132620752,
  "summary_wm_p95": 3754.6777416486293,
  "summary_wm_stdv": 1406.0417977696738,
  "tpm_overlap_csf": 0.1051323852315172,
  "tpm_overlap_gm": 0.35437243928772727,
  "tpm_overlap_wm": 0.0448042743143988,
  "wm2max": 0.26996458506143
}