{
  "bids_meta": {
    "AcquisitionMatrixPE": 256,
    "AcquisitionNumber": 1,
    "AcquisitionTime": "14:32:29.000000",
    "BodyPartExamined": "BRAIN",
    "CoilString": "32Ch Head",
    "ConversionSoftware": "dcm2niix",
    "ConversionSoftwareVersion": "v1.0.20211006",
    "Dcm2bidsVersion": "2.1.6",
    "DeviceSerialNumber": "000301496MR3T6MR",
    "EchoTime": 0.00292,
    "FlipAngle": 8,
    "ImageOrientationPatientDICOM": [
      0,
      1,
      0,
      0,
      0,
      -1
    ],
    "ImageType": [
      "ORIGINAL",
      "PRIMARY",
      "OTHER"
    ],
    "ImagingFrequency": 127.696,
    "InPlanePhaseEncodingDirectionDICOM": "ROW",
    "InstitutionName": "NIH FMRIF",
    "InversionTime": 1.06,
    "MRAcquisitionType": "3D",
    "MagneticFieldStrength": 3,
    "Manufacturer": "GE",
    "ManufacturersModelName": "DISCOVERY MR750",
    "Modality": "MR",
    "ParallelReductionFactorInPlane": 2,
    "ParallelReductionOutOfPlane": 2,
    "PatientPosition": "HFS",
    "PercentPhaseFOV": 100,
    "PercentSampling": 100,
    "PixelBandwidth": 244.141,
    "ProcedureStepDescription": "MRI Brain",
    "ProtocolName": "ADNI3 FMRIF Enhanced Pro",
    "ReconMatrixPE": 256,
    "RepetitionTime": 0.006952,
    "SAR": 0.113178,
    "ScanOptions": "EDR_GEMS\\PROMO_GEMS\\FILTERED_GEMS\\ACC_GEMS\\IR_GEMS",
    "ScanningSequence": "RM",
    "SequenceVariant": "NONE",
    "SeriesDescription": "Anat T1w MP-RAGE 1mm (ABCD)",
    "SeriesNumber": 3,
    "SliceThickness": 1,
    "SoftwareVersions": "27\\LX\\MR Software release:DV26.0_R03_1831.b",
    "SpacingBetweenSlices": 1,
    "StationName": "FMRI3tb",
    "acq_id": "MPRAGE",
    "dataset": "ds004215",
    "modality": "T1w",
    "rec_id": "SCIC",
    "session_id": "01",
    "subject_id": "ON65733"
  },
  "cjv": 0.3225584103869702,
  "cnr": 4.10406495536906,
  "efc": 0.6642204115382094,
  "fber": 17602.62294644374,
  "fwhm_avg": 3.1753466666666665,
  "fwhm_x": 3.09812,
  "fwhm_y": 3.27248,
  "fwhm_z": 3.15544,
  "icvs_csf": 0.23091271638149674,
  "icvs_gm": 0.4429746436288083,
  "icvs_wm": 0.326112639989695,
  "inu_med": 0.47984692454338074,
  "inu_range": 0.06379354596137998,
  "provenance": {
    "md5sum": "bfedddf3cba9586dc91a2a59e3085e68",
    "settings": {
      "testing": false
    },
    "software": "mriqc",
    "version": "22.0.6",
    "warnings": {
      "large_rot_frame": true,
      "small_air_mask": false
    },
    "webapi_port": null,
    "webapi_url": "https://mriqc.nimh.nih.gov/api/v1"
  },
  "qi_1": 0.0,
  "qi_2": 0.0019324698063744195,
  "rpve_csf": 24.892967738613628,
  "rpve_gm": 13.571395734281808,
  "rpve_wm": 21.268710957543462,
  "size_x": 208,
  "size_y": 256,
  "size_z": 256,
  "snr_csf": 1.5853806028637683,
  "snr_gm": 8.889302036182261,
  "snr_total": 10.050156679710694,
  "snr_wm": 19.675787400086055,
  "snrd_csf": 10.824945905116559,
  "snrd_gm": 39.34100608373737,
  "snrd_total": 37.31251272056526,
  "snrd_wm": 61.771586172841836,
  "spacing_x": 1.0,
  "spacing_y": 1.0,
  "spacing_z": 1.0,
  "summary_bg_k": 6.102349055796777,
  "summary_bg_mad": 0.0,
  "summary_bg_mean": 6.263649057640244,
  "summary_bg_median": 0.0,
  "summary_bg_n": 869631.0,
  "summary_bg_p05": 0.0,
  "summary_bg_p95": 31.474710069596767,
  "summary_bg_stdv": 10.605788444085244,
  "summary_csf_k": 1.2196844710599208,
  "summary_csf_mad": 86.79592345536888,
  "summary_csf_mean": 205.78547574340712,
  "summary_csf_median": 175.24150114133954,
  "summary_csf_n": 33295.0,
  "summary_csf_p05": 77.93622439540923,
  "summary_csf_p95": 428.4410168619826,
  "summary_csf_stdv": 110.5342585598192,
  "summary_gm_k": 0.3067094059348774,
  "summary_gm_mad": 68.45319521480086,
  "summary_gm_mean": 637.1602147411038,
  "summary_gm_median": 636.8786526005715,
  "summary_gm_n": 28459.0,
  "summary_gm_p05": 518.3158408999443,
  "summary_gm_p95": 755.6642084032296,
  "summary_gm_stdv": 71.64425963965319,
  "summary_wm_k": 0.4434580409385802,
  "summary_wm_mad": 48.674636974971136,
  "summary_wm_mean": 998.6843541572982,
  "summary_wm_median": 999.9999615419656,
  "summary_wm_n": 187736.0,
  "summary_wm_p05": 912.9602825418115,
  "summary_wm_p95": 1079.5099214408547,
  "summary_wm_stdv": 50.82374991608754,
  "tpm_overlap_csf": 0.15747212861787394,
  "tpm_overlap_gm": 0.46670911362116935,
  "tpm_overlap_wm": 0.5067370535536246,
  "wm2max": 0.6823867855302497
}