{
  "bids_meta": {
    "AcquisitionMatrixPE": 256,
    "AcquisitionNumber": 1,
    "AcquisitionTime": "14:11:29.000000",
    "BodyPartExamined": "BRAIN",
    "CoilString": "32Ch Head",
    "ConversionSoftware": "dcm2niix",
    "ConversionSoftwareVersion": "v1.0.20211006",
    "Dcm2bidsVersion": "2.1.6",
    "DeviceSerialNumber": "000301496MR3T6MR",
    "EchoTime": 0.00294,
    "FlipAngle": 8,
    "ImageOrientationPatientDICOM": [
      0,
      1,
      0,
      0,
      0,
      -1
    ],
    "ImageType": [
      "ORIGINAL",
      "PRIMARY",
      "OTHER"
    ],
    "ImagingFrequency": 127.697,
    "InPlanePhaseEncodingDirectionDICOM": "ROW",
    "InstitutionName": "NIH FMRIF",
    "InversionTime": 1.06,
    "MRAcquisitionType": "3D",
    "MagneticFieldStrength": 3,
    "Manufacturer": "GE",
    "ManufacturersModelName": "DISCOVERY MR750",
    "Modality": "MR",
    "ParallelReductionFactorInPlane": 2,
    "ParallelReductionOutOfPlane": 2,
    "PatientPosition": "HFS",
    "PercentPhaseFOV": 100,
    "PercentSampling": 100,
    "PixelBandwidth": 244.141,
    "ProcedureStepDescription": "MRI BRAIN",
    "ProtocolName": "ADNI3 FMRIF Enhanced Pro",
    "ReconMatrixPE": 256,
    "RepetitionTime": 0.00668,
    "SAR": 0.054581,
    "ScanOptions": "EDR_GEMS\\ACC_GEMS\\IR_GEMS",
    "ScanningSequence": "RM",
    "SequenceVariant": "NONE",
    "SeriesDescription": "ORIG Anat T1w MP-RAGE 1mm (ABCD)",
    "SeriesNumber": 40003,
    "SliceThickness": 1,
    "SoftwareVersions": "27\\LX\\MR Software release:DV26.0_R01_1725.a",
    "SpacingBetweenSlices": 1,
    "StationName": "fmrif3tb",
    "acq_id": "MPRAGE",
    "dataset": "ds004215",
    "modality": "T1w",
    "session_id": "01",
    "subject_id": "ON73969"
  },
  "cjv": 0.35600387948390566,
  "cnr": 3.7832632873796164,
  "efc": 0.43982319098439876,
  "fber": 6226.391818199461,
  "fwhm_avg": 3.58424,
  "fwhm_x": 3.59007,
  "fwhm_y": 3.62487,
  "fwhm_z": 3.53778,
  "icvs_csf": 0.21592361198573887,
  "icvs_gm": 0.43454060289537255,
  "icvs_wm": 0.3495357851188886,
  "inu_med": 0.8553697168827057,
  "inu_range": 0.539499381184578,
  "provenance": {
    "md5sum": "b2726bf4d18f0b27e4bd175e82a51948",
    "settings": {
      "testing": false
    },
    "software": "mriqc",
    "version": "22.0.6",
    "warnings": {
      "large_rot_frame": true,
      "small_air_mask": false
    },
    "webapi_port": null,
    "webapi_url": "https://mriqc.nimh.nih.gov/api/v1"
  },
  "qi_1": 0.0,
  "qi_2": 0.0012912054914883365,
  "rpve_csf": 29.52599894944933,
  "rpve_gm": 15.568713918160004,
  "rpve_wm": 22.42525942857899,
  "size_x": 208,
  "size_y": 256,
  "size_z": 256,
  "snr_csf": 1.253113038169686,
  "snr_gm": 8.095136723983368,
  "snr_total": 9.084646670151344,
  "snr_wm": 17.905690248300974,
  "snrd_csf": 6.3875274431480085,
  "snrd_gm": 29.459998710874288,
  "snrd_total": 27.454618852321136,
  "snrd_wm": 46.516330402941115,
  "spacing_x": 1.0,
  "spacing_y": 1.0,
  "spacing_z": 1.0,
  "summary_bg_k": 5.042445620082447,
  "summary_bg_mad": 14.084528871099813,
  "summary_bg_mean": 12.525917945247716,
  "summary_bg_median": 10.165230929851532,
  "summary_bg_n": 4012722.0,
  "summary_bg_p05": 0.0,
  "summary_bg_p95": 36.0773286819458,
  "summary_bg_stdv": 12.406457168082214,
  "summary_csf_k": 3.1346296379058813,
  "summary_csf_mad": 91.30282139786883,
  "summary_csf_mean": 165.12687551612203,
  "summary_csf_median": 137.32302874326706,
  "summary_csf_n": 31867.0,
  "summary_csf_p05": 36.19931145310402,
  "summary_csf_p95": 388.8810744524,
  "summary_csf_stdv": 109.58378846607616,
  "summary_gm_k": 6.862195415413552e-05,
  "summary_gm_mad": 77.71152505532893,
  "summary_gm_mean": 633.0691894096611,
  "summary_gm_median": 633.3493336439133,
  "summary_gm_n": 33089.0,
  "summary_gm_p05": 504.0475962162018,
  "summary_gm_p95": 761.2464209794998,
  "summary_gm_stdv": 78.23706810340155,
  "summary_wm_k": 0.5272100049550823,
  "summary_wm_mad": 52.830684170195404,
  "summary_wm_mean": 1000.939957303215,
  "summary_wm_median": 1000.0369366407394,
  "summary_wm_n": 176541.0,
  "summary_wm_p05": 911.4330874085426,
  "summary_wm_p95": 1093.926705956459,
  "summary_wm_stdv": 55.85007282384565,
  "tpm_overlap_csf": 0.15728250347769776,
  "tpm_overlap_gm": 0.4579912842209834,
  "tpm_overlap_wm": 0.4892226695813206,
  "wm2max": 0.5492834773270256
}