{
  "bids_meta": {
    "AcquisitionMatrixPE": 256,
    "AcquisitionNumber": 1,
    "AcquisitionTime": "14:17:46.000000",
    "BodyPartExamined": "BRAIN",
    "CoilString": "32Ch Head",
    "ConversionSoftware": "dcm2niix",
    "ConversionSoftwareVersion": "v1.0.20211006",
    "Dcm2bidsVersion": "2.1.6",
    "DeviceSerialNumber": "000301496MR3T6MR",
    "EchoTime": 0.065888,
    "EchoTrainLength": 140,
    "FlipAngle": 90,
    "ImageOrientationPatientDICOM": [
      0,
      1,
      0,
      0,
      0,
      -1
    ],
    "ImageType": [
      "ORIGINAL",
      "PRIMARY",
      "OTHER"
    ],
    "ImagingFrequency": 127.697,
    "InPlanePhaseEncodingDirectionDICOM": "ROW",
    "InstitutionName": "NIH FMRIF",
    "MRAcquisitionType": "3D",
    "MagneticFieldStrength": 3,
    "Manufacturer": "GE",
    "ManufacturersModelName": "DISCOVERY MR750",
    "Modality": "MR",
    "ParallelReductionFactorInPlane": 2,
    "ParallelReductionOutOfPlane": 1.5,
    "PatientPosition": "HFS",
    "PercentPhaseFOV": 100,
    "PercentSampling": 100,
    "PhaseEncodingAxis": "i",
    "PixelBandwidth": 244.141,
    "ProcedureStepDescription": "MRI BRAIN",
    "ProtocolName": "ADNI3 FMRIF Enhanced Pro",
    "ReconMatrixPE": 256,
    "RepetitionTime": 3.202,
    "SAR": 0.4562,
    "ScanOptions": "SAT_GEMS\\EDR_GEMS\\PROMO_GEMS\\ACC_GEMS\\FS\\FR_GEMS",
    "ScanningSequence": "RM",
    "SequenceVariant": "NONE",
    "SeriesDescription": "ORIG Anat T2w CUBE (ABCD)",
    "SeriesNumber": 40004,
    "SliceThickness": 1,
    "SoftwareVersions": "27\\LX\\MR Software release:DV26.0_R01_1725.a",
    "SpacingBetweenSlices": 1,
    "StationName": "fmrif3tb",
    "acq_id": "CUBE",
    "dataset": "ds004215",
    "modality": "T2w",
    "session_id": "01",
    "subject_id": "ON73969"
  },
  "cjv": 5.640135777799061,
  "cnr": 0.17806821290256913,
  "efc": 0.4158749937114961,
  "fber": 3284.9810373555492,
  "fwhm_avg": 2.5346166666666665,
  "fwhm_x": 2.1438,
  "fwhm_y": 2.7864,
  "fwhm_z": 2.67365,
  "icvs_csf": 0.30573219480185676,
  "icvs_gm": 0.5164667265945366,
  "icvs_wm": 0.17780107860360664,
  "inu_med": 0.8532608151435852,
  "inu_range": 0.5381835401058197,
  "provenance": {
    "md5sum": "86847d2b74cff2f7cf4465fbc65ae80a",
    "settings": {
      "testing": false
    },
    "software": "mriqc",
    "version": "22.0.6",
    "warnings": {
      "large_rot_frame": true,
      "small_air_mask": false
    },
    "webapi_port": null,
    "webapi_url": "https://mriqc.nimh.nih.gov/api/v1"
  },
  "qi_1": 0.0,
  "qi_2": 0.01339485631780591,
  "rpve_csf": 19.728774070372747,
  "rpve_gm": 13.945852301253465,
  "rpve_wm": 44.66859091487126,
  "size_x": 204,
  "size_y": 256,
  "size_z": 256,
  "snr_csf": 11.046742969165393,
  "snr_gm": 10.619278561808514,
  "snr_total": 7.4498829605932215,
  "snr_wm": 0.6836273508057575,
  "snrd_csf": 43.61055206634438,
  "snrd_gm": 29.325090524812527,
  "snrd_total": 32.06122457676111,
  "snrd_wm": 23.248031139126443,
  "spacing_x": 1.0,
  "spacing_y": 1.0,
  "spacing_z": 1.0,
  "summary_bg_k": 0.5198031216032759,
  "summary_bg_mad": 28.386201304120647,
  "summary_bg_mean": 32.3753918871971,
  "summary_bg_median": 19.146201826632023,
  "summary_bg_n": 3912053.0,
  "summary_bg_p05": 0.0,
  "summary_bg_p95": 99.18138472735882,
  "summary_bg_stdv": 34.454232282106936,
  "summary_csf_k": 0.818094789014522,
  "summary_csf_mad": 157.5785238472563,
  "summary_csf_mean": 1897.8401453677536,
  "summary_csf_median": 1889.5880459994078,
  "summary_csf_n": 23714.0,
  "summary_csf_p05": 1632.1832612298429,
  "summary_csf_p95": 2191.191465586424,
  "summary_csf_stdv": 171.0502552346715,
  "summary_gm_k": 0.1827567388006126,
  "summary_gm_mad": 118.35942593237584,
  "summary_gm_mean": 1274.1123515899915,
  "summary_gm_median": 1270.6177261695266,
  "summary_gm_n": 172112.0,
  "summary_gm_p05": 1083.8915175423026,
  "summary_gm_p95": 1475.001739308238,
  "summary_gm_stdv": 119.65163429098322,
  "summary_wm_k": -1.6345270162099768,
  "summary_wm_mad": 1366.7504557241975,
  "summary_wm_mean": 1650.632761640355,
  "summary_wm_median": 1007.3067102357745,
  "summary_wm_n": 45218.0,
  "summary_wm_p05": 84.90630138665438,
  "summary_wm_p95": 3992.6257978752255,
  "summary_wm_stdv": 1473.4570971293372,
  "tpm_overlap_csf": 0.10168267125387445,
  "tpm_overlap_gm": 0.32971476578422193,
  "tpm_overlap_wm": 0.038168414094698254,
  "wm2max": 0.2633667677996317
}