{
  "bids_meta": {
    "AcquisitionMatrixPE": 256,
    "AcquisitionNumber": 1,
    "AcquisitionTime": "10:11:4.000000",
    "BodyPartExamined": "BRAIN",
    "CoilString": "32Ch Head",
    "ConversionSoftware": "dcm2niix",
    "ConversionSoftwareVersion": "v1.0.20211006",
    "Dcm2bidsVersion": "2.1.6",
    "DeviceSerialNumber": "000301496mr3T5mr",
    "EchoTime": 0.066428,
    "EchoTrainLength": 140,
    "FlipAngle": 90,
    "ImageOrientationPatientDICOM": [
      0,
      1,
      0,
      0,
      0,
      -1
    ],
    "ImageType": [
      "ORIGINAL",
      "PRIMARY",
      "OTHER"
    ],
    "ImagingFrequency": 127.824,
    "InPlanePhaseEncodingDirectionDICOM": "ROW",
    "InstitutionName": "NIH FMRIF",
    "MRAcquisitionType": "3D",
    "MagneticFieldStrength": 3,
    "Manufacturer": "GE",
    "ManufacturersModelName": "DISCOVERY MR750",
    "Modality": "MR",
    "ParallelReductionFactorInPlane": 2,
    "ParallelReductionOutOfPlane": 1.5,
    "PatientPosition": "HFS",
    "PercentPhaseFOV": 100,
    "PercentSampling": 100,
    "PhaseEncodingAxis": "i",
    "PixelBandwidth": 244.141,
    "ProcedureStepDescription": "MRI Brain",
    "ProtocolName": "ADNI3 FMRIF Enhanced Pro",
    "ReconMatrixPE": 256,
    "RepetitionTime": 3.202,
    "SAR": 0.4495,
    "ScanOptions": "SAT_GEMS\\EDR_GEMS\\PROMO_GEMS\\FILTERED_GEMS\\ACC_GEMS\\FS\\FR_GEMS",
    "ScanningSequence": "RM",
    "SequenceVariant": "NONE",
    "SeriesDescription": "Anat T2w CUBE (ABCD)",
    "SeriesNumber": 4,
    "SliceThickness": 1,
    "SoftwareVersions": "27\\LX\\MR Software release:DV26.0_R03_1831.b",
    "SpacingBetweenSlices": 1,
    "StationName": "FMRI3ta",
    "acq_id": "CUBE",
    "dataset": "ds004215",
    "modality": "T2w",
    "rec_id": "SCIC",
    "session_id": "01",
    "subject_id": "ON23419"
  },
  "cjv": 1.208836933079269,
  "cnr": 0.9274085056531107,
  "efc": 0.439160169648714,
  "fber": 5235.138953125943,
  "fwhm_avg": 2.3317420764060484,
  "fwhm_x": 1.8999662292181447,
  "fwhm_y": 2.64101,
  "fwhm_z": 2.45425,
  "icvs_csf": 0.28489352808112306,
  "icvs_gm": 0.4911616008330242,
  "icvs_wm": 0.22394487108585276,
  "inu_med": 0.8227494955062866,
  "inu_range": 0.13819403052329993,
  "provenance": {
    "md5sum": "89cb87e10023f28e0518cdb23a67b6ac",
    "settings": {
      "testing": false
    },
    "software": "mriqc",
    "version": "22.0.6",
    "warnings": {
      "large_rot_frame": true,
      "small_air_mask": false
    },
    "webapi_port": null,
    "webapi_url": "https://mriqc.nimh.nih.gov/api/v1"
  },
  "qi_1": 1.47527835820295e-05,
  "qi_2": 0.002689273276923322,
  "rpve_csf": 19.827328943069446,
  "rpve_gm": 13.956560631569175,
  "rpve_wm": 32.1850810529034,
  "size_x": 204,
  "size_y": 256,
  "size_z": 256,
  "snr_csf": 12.038203541784346,
  "snr_gm": 12.490722391192097,
  "snr_total": 8.745586639660816,
  "snr_wm": 1.7078339860060043,
  "snrd_csf": 63.49653770648953,
  "snrd_gm": 45.15503746535752,
  "snrd_total": 69.23503244175055,
  "snrd_wm": 99.05352215340461,
  "spacing_x": 1.000396728515625,
  "spacing_y": 1.0,
  "spacing_z": 1.0,
  "summary_bg_k": 441.18188741486915,
  "summary_bg_mad": 6.617935158473561,
  "summary_bg_mean": 6.066349254373065,
  "summary_bg_median": 4.758290257304907,
  "summary_bg_n": 3484752.0,
  "summary_bg_p05": 0.0,
  "summary_bg_p95": 14.342846347019076,
  "summary_bg_stdv": 8.179199273968168,
  "summary_csf_k": 0.6078106488915993,
  "summary_csf_mad": 49.88646553468649,
  "summary_csf_mean": 643.8745140358526,
  "summary_csf_median": 641.4175266847014,
  "summary_csf_n": 17924.0,
  "summary_csf_p05": 560.3906411603093,
  "summary_csf_p95": 734.3820561236702,
  "summary_csf_stdv": 53.28034465511155,
  "summary_gm_k": 0.17937381912698225,
  "summary_gm_mad": 36.18028510495444,
  "summary_gm_mean": 456.1092838665397,
  "summary_gm_median": 456.1387674752623,
  "summary_gm_n": 176980.0,
  "summary_gm_p05": 396.1163346581161,
  "summary_gm_p95": 515.5267615914345,
  "summary_gm_stdv": 36.51810235746535,
  "summary_wm_k": -1.7916133062396613,
  "summary_wm_mad": 621.9851241580608,
  "summary_wm_mean": 777.3298001041534,
  "summary_wm_median": 1000.6004655361176,
  "summary_wm_n": 74172.0,
  "summary_wm_p05": 31.55312903719023,
  "summary_wm_p95": 1426.6815666264854,
  "summary_wm_stdv": 585.8846518901587,
  "tpm_overlap_csf": 0.09719101063417447,
  "tpm_overlap_gm": 0.32755041736092294,
  "tpm_overlap_wm": 0.047067041009280636,
  "wm2max": 0.701342015405384
}