{
  "bids_meta": {
    "AcquisitionMatrixPE": 256,
    "AcquisitionNumber": 1,
    "AcquisitionTime": "10:11:4.000000",
    "BodyPartExamined": "BRAIN",
    "CoilString": "32Ch Head",
    "ConversionSoftware": "dcm2niix",
    "ConversionSoftwareVersion": "v1.0.20211006",
    "Dcm2bidsVersion": "2.1.6",
    "DeviceSerialNumber": "000301496mr3T5mr",
    "EchoTime": 0.066428,
    "EchoTrainLength": 140,
    "FlipAngle": 90,
    "ImageOrientationPatientDICOM": [
      0,
      1,
      0,
      0,
      0,
      -1
    ],
    "ImageType": [
      "ORIGINAL",
      "PRIMARY",
      "OTHER"
    ],
    "ImagingFrequency": 127.824,
    "InPlanePhaseEncodingDirectionDICOM": "ROW",
    "InstitutionName": "NIH FMRIF",
    "MRAcquisitionType": "3D",
    "MagneticFieldStrength": 3,
    "Manufacturer": "GE",
    "ManufacturersModelName": "DISCOVERY MR750",
    "Modality": "MR",
    "ParallelReductionFactorInPlane": 2,
    "ParallelReductionOutOfPlane": 1.5,
    "PatientPosition": "HFS",
    "PercentPhaseFOV": 100,
    "PercentSampling": 100,
    "PhaseEncodingAxis": "i",
    "PixelBandwidth": 244.141,
    "ProcedureStepDescription": "MRI Brain",
    "ProtocolName": "ADNI3 FMRIF Enhanced Pro",
    "ReconMatrixPE": 256,
    "RepetitionTime": 3.202,
    "SAR": 0.4495,
    "ScanOptions": "SAT_GEMS\\EDR_GEMS\\PROMO_GEMS\\ACC_GEMS\\FS\\FR_GEMS",
    "ScanningSequence": "RM",
    "SequenceVariant": "NONE",
    "SeriesDescription": "ORIG Anat T2w CUBE (ABCD)",
    "SeriesNumber": 40004,
    "SliceThickness": 1,
    "SoftwareVersions": "27\\LX\\MR Software release:DV26.0_R03_1831.b",
    "SpacingBetweenSlices": 1,
    "StationName": "FMRI3ta",
    "acq_id": "CUBE",
    "dataset": "ds004215",
    "modality": "T2w",
    "session_id": "01",
    "subject_id": "ON23419"
  },
  "cjv": 1.5711998366347888,
  "cnr": 0.8656591477796448,
  "efc": 0.40459353212698473,
  "fber": 6839.975105913659,
  "fwhm_avg": 2.3582977458487133,
  "fwhm_x": 1.9327132375461396,
  "fwhm_y": 2.607,
  "fwhm_z": 2.53518,
  "icvs_csf": 0.25874134124496306,
  "icvs_gm": 0.5225378989336246,
  "icvs_wm": 0.21872075982141237,
  "inu_med": 0.8484995365142822,
  "inu_range": 0.4269037902355194,
  "provenance": {
    "md5sum": "7cd2d05338877ffe65c0cf12e9138385",
    "settings": {
      "testing": false
    },
    "software": "mriqc",
    "version": "22.0.6",
    "warnings": {
      "large_rot_frame": true,
      "small_air_mask": false
    },
    "webapi_port": null,
    "webapi_url": "https://mriqc.nimh.nih.gov/api/v1"
  },
  "qi_1": 1.4985622748801597e-05,
  "qi_2": 0.005886069231193292,
  "rpve_csf": 21.32431039176739,
  "rpve_gm": 13.400973248330237,
  "rpve_wm": 33.17824156415965,
  "size_x": 204,
  "size_y": 256,
  "size_z": 256,
  "snr_csf": 11.386788895372375,
  "snr_gm": 11.725906234052099,
  "snr_total": 8.258029897274078,
  "snr_wm": 1.6613945623977624,
  "snrd_csf": 67.27389251989247,
  "snrd_gm": 47.22069930231625,
  "snrd_total": 71.11274923004684,
  "snrd_wm": 98.84365586793183,
  "spacing_x": 1.000396728515625,
  "spacing_y": 1.0,
  "spacing_z": 1.0,
  "summary_bg_k": 214.74825902166415,
  "summary_bg_mad": 6.630229822290884,
  "summary_bg_mean": 5.2470720700938385,
  "summary_bg_median": 4.47202205657959,
  "summary_bg_n": 4216172.0,
  "summary_bg_p05": 0.0,
  "summary_bg_p95": 14.058919340372086,
  "summary_bg_stdv": 7.143314101409793,
  "summary_csf_k": 0.9221882438489564,
  "summary_csf_mad": 54.740834970289114,
  "summary_csf_mean": 683.8393983782171,
  "summary_csf_median": 680.8374079763889,
  "summary_csf_n": 16663.0,
  "summary_csf_p05": 590.4494571715593,
  "summary_csf_p95": 785.7845855891704,
  "summary_csf_stdv": 59.79007640422659,
  "summary_gm_k": 0.07119009777078666,
  "summary_gm_mad": 40.98310808903553,
  "summary_gm_mean": 478.5363487672824,
  "summary_gm_median": 477.8914570212364,
  "summary_gm_n": 206386.0,
  "summary_gm_p05": 412.79558596014977,
  "summary_gm_p95": 546.0059429705143,
  "summary_gm_stdv": 40.75508448726243,
  "summary_wm_k": -1.711625448113105,
  "summary_wm_mad": 779.8807828469653,
  "summary_wm_mean": 791.8013156067032,
  "summary_wm_median": 1000.335433781147,
  "summary_wm_n": 69772.0,
  "summary_wm_p05": 32.00290784239769,
  "summary_wm_p95": 1542.2047563493252,
  "summary_wm_stdv": 602.1015644288038,
  "tpm_overlap_csf": 0.0978330788638635,
  "tpm_overlap_gm": 0.3424605615068137,
  "tpm_overlap_wm": 0.043875626875816254,
  "wm2max": 0.6487221315932572
}