{
  "bids_meta": {
    "AcquisitionMatrixPE": 256,
    "AcquisitionNumber": 1,
    "AcquisitionTime": "10:04:28.000000",
    "BodyPartExamined": "BRAIN",
    "CoilString": "32Ch Head",
    "ConversionSoftware": "dcm2niix",
    "ConversionSoftwareVersion": "v1.0.20211006",
    "Dcm2bidsVersion": "2.1.6",
    "DeviceSerialNumber": "000301496mr3T5mr",
    "EchoTime": 0.00292,
    "FlipAngle": 8,
    "ImageOrientationPatientDICOM": [
      0,
      1,
      0,
      0,
      0,
      -1
    ],
    "ImageType": [
      "ORIGINAL",
      "PRIMARY",
      "OTHER"
    ],
    "ImagingFrequency": 127.824,
    "InPlanePhaseEncodingDirectionDICOM": "ROW",
    "InstitutionName": "NIH FMRIF",
    "InversionTime": 1.06,
    "MRAcquisitionType": "3D",
    "MagneticFieldStrength": 3,
    "Manufacturer": "GE",
    "ManufacturersModelName": "DISCOVERY MR750",
    "Modality": "MR",
    "ParallelReductionFactorInPlane": 2,
    "ParallelReductionOutOfPlane": 2,
    "PatientPosition": "HFS",
    "PercentPhaseFOV": 100,
    "PercentSampling": 100,
    "PixelBandwidth": 244.141,
    "ProcedureStepDescription": "MRI Brain",
    "ProtocolName": "ADNI3 FMRIF Enhanced Pro",
    "ReconMatrixPE": 256,
    "RepetitionTime": 0.006952,
    "SAR": 0.120428,
    "ScanOptions": "EDR_GEMS\\PROMO_GEMS\\ACC_GEMS\\IR_GEMS",
    "ScanningSequence": "RM",
    "SequenceVariant": "NONE",
    "SeriesDescription": "ORIG Anat T1w MP-RAGE 1mm (ABCD)",
    "SeriesNumber": 40003,
    "SliceThickness": 1,
    "SoftwareVersions": "27\\LX\\MR Software release:DV26.0_R03_1831.b",
    "SpacingBetweenSlices": 1,
    "StationName": "FMRI3ta",
    "acq_id": "MPRAGE",
    "dataset": "ds004215",
    "modality": "T1w",
    "session_id": "01",
    "subject_id": "ON23419"
  },
  "cjv": 0.38357702709791236,
  "cnr": 3.547697353703862,
  "efc": 0.4354137632420507,
  "fber": 4341.829724745578,
  "fwhm_avg": 3.6996266666666666,
  "fwhm_x": 3.61782,
  "fwhm_y": 3.78369,
  "fwhm_z": 3.69737,
  "icvs_csf": 0.234318277082074,
  "icvs_gm": 0.4045650409554385,
  "icvs_wm": 0.3611166819624875,
  "inu_med": 0.9005778431892395,
  "inu_range": 0.44873311519622816,
  "provenance": {
    "md5sum": "850e564bb450e7a60852e25ea378fc17",
    "settings": {
      "testing": false
    },
    "software": "mriqc",
    "version": "22.0.6",
    "warnings": {
      "large_rot_frame": true,
      "small_air_mask": false
    },
    "webapi_port": null,
    "webapi_url": "https://mriqc.nimh.nih.gov/api/v1"
  },
  "qi_1": 0.0,
  "qi_2": 0.0014301415469744067,
  "rpve_csf": 27.341087507261342,
  "rpve_gm": 15.481418187539694,
  "rpve_wm": 20.217110002460906,
  "size_x": 208,
  "size_y": 256,
  "size_z": 256,
  "snr_csf": 1.1289214232211817,
  "snr_gm": 7.793245289148915,
  "snr_total": 8.736133797627692,
  "snr_wm": 17.286234680512976,
  "snrd_csf": 5.2501666700513985,
  "snrd_gm": 26.91552991511728,
  "snrd_total": 24.740443033860846,
  "snrd_wm": 42.055632516413866,
  "spacing_x": 1.0,
  "spacing_y": 1.0,
  "spacing_z": 1.0,
  "summary_bg_k": 1.6725454064437093,
  "summary_bg_mad": 15.578544867668471,
  "summary_bg_mean": 14.884496857222587,
  "summary_bg_median": 10.507568836212158,
  "summary_bg_n": 4363382.0,
  "summary_bg_p05": 0.0,
  "summary_bg_p95": 42.52003490924835,
  "summary_bg_stdv": 14.382106798963335,
  "summary_csf_k": 1.7324074359412425,
  "summary_csf_mad": 80.59916645518307,
  "summary_csf_mean": 156.80336835914707,
  "summary_csf_median": 124.8441653251648,
  "summary_csf_n": 45311.0,
  "summary_csf_p05": 35.218165040016174,
  "summary_csf_p95": 394.8352560997009,
  "summary_csf_stdv": 110.58589651434917,
  "summary_gm_k": 0.05895869143975396,
  "summary_gm_mad": 81.7213497719219,
  "summary_gm_mean": 642.2989993459537,
  "summary_gm_median": 640.0267034769058,
  "summary_gm_n": 22759.0,
  "summary_gm_p05": 510.8147733092308,
  "summary_gm_p95": 780.1869860887527,
  "summary_gm_stdv": 82.12402133103699,
  "summary_wm_k": 0.2983111566825225,
  "summary_wm_mad": 56.37320897029184,
  "summary_wm_mean": 1000.7559967073231,
  "summary_wm_median": 1000.0445069074631,
  "summary_wm_n": 206632.0,
  "summary_wm_p05": 907.3909020423889,
  "summary_wm_p95": 1096.7497590780258,
  "summary_wm_stdv": 57.85193279618419,
  "tpm_overlap_csf": 0.14018775074961895,
  "tpm_overlap_gm": 0.44197252198701464,
  "tpm_overlap_wm": 0.4839632600342081,
  "wm2max": 0.39989673651788415
}