{
  "bids_meta": {
    "AcquisitionMatrixPE": 256,
    "AcquisitionNumber": 1,
    "AcquisitionTime": "10:04:28.000000",
    "BodyPartExamined": "BRAIN",
    "CoilString": "32Ch Head",
    "ConversionSoftware": "dcm2niix",
    "ConversionSoftwareVersion": "v1.0.20211006",
    "Dcm2bidsVersion": "2.1.6",
    "DeviceSerialNumber": "000301496mr3T5mr",
    "EchoTime": 0.00292,
    "FlipAngle": 8,
    "ImageOrientationPatientDICOM": [
      0,
      1,
      0,
      0,
      0,
      -1
    ],
    "ImageType": [
      "ORIGINAL",
      "PRIMARY",
      "OTHER"
    ],
    "ImagingFrequency": 127.824,
    "InPlanePhaseEncodingDirectionDICOM": "ROW",
    "InstitutionName": "NIH FMRIF",
    "InversionTime": 1.06,
    "MRAcquisitionType": "3D",
    "MagneticFieldStrength": 3,
    "Manufacturer": "GE",
    "ManufacturersModelName": "DISCOVERY MR750",
    "Modality": "MR",
    "ParallelReductionFactorInPlane": 2,
    "ParallelReductionOutOfPlane": 2,
    "PatientPosition": "HFS",
    "PercentPhaseFOV": 100,
    "PercentSampling": 100,
    "PixelBandwidth": 244.141,
    "ProcedureStepDescription": "MRI Brain",
    "ProtocolName": "ADNI3 FMRIF Enhanced Pro",
    "ReconMatrixPE": 256,
    "RepetitionTime": 0.006952,
    "SAR": 0.120428,
    "ScanOptions": "EDR_GEMS\\PROMO_GEMS\\FILTERED_GEMS\\ACC_GEMS\\IR_GEMS",
    "ScanningSequence": "RM",
    "SequenceVariant": "NONE",
    "SeriesDescription": "Anat T1w MP-RAGE 1mm (ABCD)",
    "SeriesNumber": 3,
    "SliceThickness": 1,
    "SoftwareVersions": "27\\LX\\MR Software release:DV26.0_R03_1831.b",
    "SpacingBetweenSlices": 1,
    "StationName": "FMRI3ta",
    "acq_id": "MPRAGE",
    "dataset": "ds004215",
    "modality": "T1w",
    "rec_id": "SCIC",
    "session_id": "01",
    "subject_id": "ON23419"
  },
  "cjv": 0.3591925456617049,
  "cnr": 3.76063182897745,
  "efc": 0.6475591970065002,
  "fber": 16584.6103515625,
  "fwhm_avg": 3.4999300000000004,
  "fwhm_x": 3.41137,
  "fwhm_y": 3.6348,
  "fwhm_z": 3.45362,
  "icvs_csf": 0.23886442205049405,
  "icvs_gm": 0.4081413532618767,
  "icvs_wm": 0.3529942246876292,
  "inu_med": 0.5105882287025452,
  "inu_range": 0.0777050256729126,
  "provenance": {
    "md5sum": "03f47ad266f523dddd2bad1a0644cd0a",
    "settings": {
      "testing": false
    },
    "software": "mriqc",
    "version": "22.0.6",
    "warnings": {
      "large_rot_frame": true,
      "small_air_mask": false
    },
    "webapi_port": null,
    "webapi_url": "https://mriqc.nimh.nih.gov/api/v1"
  },
  "qi_1": 0.0,
  "qi_2": 0.004155379861705926,
  "rpve_csf": 26.582393657605635,
  "rpve_gm": 15.318265185760941,
  "rpve_wm": 20.671297708061427,
  "size_x": 208,
  "size_y": 256,
  "size_z": 256,
  "snr_csf": 1.5889965033118125,
  "snr_gm": 8.484947580516861,
  "snr_total": 9.806624836701078,
  "snr_wm": 19.34593042627456,
  "snrd_csf": 13.885044145034207,
  "snrd_gm": 55.429115131052995,
  "snrd_total": 51.59473829317992,
  "snrd_wm": 85.47005560345256,
  "spacing_x": 1.0,
  "spacing_y": 1.0,
  "spacing_z": 1.0,
  "summary_bg_k": 4.256899597199823,
  "summary_bg_mad": 7.664886831399521,
  "summary_bg_mean": 10.34999142264523,
  "summary_bg_median": 5.169887604191899,
  "summary_bg_n": 1129116.0,
  "summary_bg_p05": 0.0,
  "summary_bg_p95": 43.12847413122654,
  "summary_bg_stdv": 14.89202757896673,
  "summary_csf_k": 1.7855036603600567,
  "summary_csf_mad": 78.45237109785393,
  "summary_csf_mean": 187.40450753402476,
  "summary_csf_median": 162.45058589428663,
  "summary_csf_n": 52333.0,
  "summary_csf_p05": 65.42810697369279,
  "summary_csf_p95": 402.902887758985,
  "summary_csf_stdv": 102.23372641962763,
  "summary_gm_k": 0.01983736448386475,
  "summary_gm_mad": 75.82909432133216,
  "summary_gm_mean": 650.3794254246461,
  "summary_gm_median": 648.5029600616544,
  "summary_gm_n": 26311.0,
  "summary_gm_p05": 526.374732834287,
  "summary_gm_p95": 779.7130486685783,
  "summary_gm_stdv": 76.42836092876361,
  "summary_wm_k": 0.26150079720444186,
  "summary_wm_mad": 50.4161005487776,
  "summary_wm_mean": 999.6274619429294,
  "summary_wm_median": 999.9723777733743,
  "summary_wm_n": 206509.0,
  "summary_wm_p05": 914.4618838708848,
  "summary_wm_p95": 1083.6029125470668,
  "summary_wm_stdv": 51.688904829164365,
  "tpm_overlap_csf": 0.13977425576344116,
  "tpm_overlap_gm": 0.44471188635090675,
  "tpm_overlap_wm": 0.4850154860672538,
  "wm2max": 0.5908947336388412
}