{
  "bids_meta": {
    "AcquisitionMatrixPE": 256,
    "AcquisitionNumber": 1,
    "AcquisitionTime": "15:19:33.000000",
    "BodyPartExamined": "BRAIN",
    "CoilString": "32Ch Head",
    "ConversionSoftware": "dcm2niix",
    "ConversionSoftwareVersion": "v1.0.20211006",
    "Dcm2bidsVersion": "2.1.6",
    "DeviceSerialNumber": "000301496MR3T6MR",
    "EchoTime": 0.066158,
    "EchoTrainLength": 140,
    "FlipAngle": 90,
    "ImageOrientationPatientDICOM": [
      0,
      1,
      0,
      0,
      0,
      -1
    ],
    "ImageType": [
      "ORIGINAL",
      "PRIMARY",
      "OTHER"
    ],
    "ImagingFrequency": 127.697,
    "InPlanePhaseEncodingDirectionDICOM": "ROW",
    "InstitutionName": "NIH FMRIF",
    "MRAcquisitionType": "3D",
    "MagneticFieldStrength": 3,
    "Manufacturer": "GE",
    "ManufacturersModelName": "DISCOVERY MR750",
    "Modality": "MR",
    "ParallelReductionFactorInPlane": 2,
    "ParallelReductionOutOfPlane": 1.5,
    "PatientPosition": "HFS",
    "PercentPhaseFOV": 100,
    "PercentSampling": 100,
    "PhaseEncodingAxis": "i",
    "PixelBandwidth": 244.141,
    "ProcedureStepDescription": "MRI Brain",
    "ProtocolName": "ADNI3 FMRIF Enhanced Pro",
    "ReconMatrixPE": 256,
    "RepetitionTime": 3.202,
    "SAR": 0.4465,
    "ScanOptions": "SAT_GEMS\\EDR_GEMS\\PROMO_GEMS\\ACC_GEMS\\FS\\FR_GEMS",
    "ScanningSequence": "RM",
    "SequenceVariant": "NONE",
    "SeriesDescription": "Sag_CUBE_T2",
    "SeriesNumber": 4,
    "SliceThickness": 1,
    "SoftwareVersions": "27\\LX\\MR Software release:DV26.0_R01_1725.a",
    "SpacingBetweenSlices": 1,
    "StationName": "fmrif3tb",
    "acq_id": "CUBE",
    "dataset": "ds004215",
    "modality": "T2w",
    "session_id": "01",
    "subject_id": "ON62955"
  },
  "cjv": 0.5148057822160302,
  "cnr": 1.3601935297338883,
  "efc": 0.3555246249530147,
  "fber": 6562.0189074799255,
  "fwhm_avg": 2.35452,
  "fwhm_x": 2.00218,
  "fwhm_y": 2.57198,
  "fwhm_z": 2.4894,
  "icvs_csf": 0.13818435174892887,
  "icvs_gm": 0.7054016539743894,
  "icvs_wm": 0.15641399427668176,
  "inu_med": 0.8982554078102112,
  "inu_range": 0.43753261566162105,
  "provenance": {
    "md5sum": "6d5d268aa587318cdf5149960cbb693e",
    "settings": {
      "testing": false
    },
    "software": "mriqc",
    "version": "22.0.6",
    "warnings": {
      "large_rot_frame": true,
      "small_air_mask": false
    },
    "webapi_port": null,
    "webapi_url": "https://mriqc.nimh.nih.gov/api/v1"
  },
  "qi_1": 1.205288115514813e-05,
  "qi_2": 0.01809131493239984,
  "rpve_csf": 40.48846665388396,
  "rpve_gm": 12.637806878025023,
  "rpve_wm": 52.202827070727615,
  "size_x": 204,
  "size_y": 256,
  "size_z": 256,
  "snr_csf": 4.376566464294923,
  "snr_gm": 8.343469094311056,
  "snr_total": 4.9292609494255935,
  "snr_wm": 2.067747289670801,
  "snrd_csf": 91.000430543604,
  "snrd_gm": 42.94122237381696,
  "snrd_total": 86.76747985006693,
  "snrd_wm": 126.36078663277985,
  "spacing_x": 1.0,
  "spacing_y": 1.0,
  "spacing_z": 1.0,
  "summary_bg_k": 4.390800607979538,
  "summary_bg_mad": 0.0,
  "summary_bg_mean": 3.876759693741893,
  "summary_bg_median": 0.0,
  "summary_bg_n": 3825243.0,
  "summary_bg_p05": 0.0,
  "summary_bg_p95": 13.76506720483303,
  "summary_bg_stdv": 5.185635853958167,
  "summary_csf_k": 0.3185352208346717,
  "summary_csf_mad": 180.6065676280061,
  "summary_csf_mean": 706.4642922318795,
  "summary_csf_median": 720.300528794527,
  "summary_csf_n": 937.0,
  "summary_csf_p05": 435.4230723142624,
  "summary_csf_p95": 926.5435530006886,
  "summary_csf_stdv": 164.49334581893703,
  "summary_gm_k": -0.07068956870828824,
  "summary_gm_mad": 41.30969891881794,
  "summary_gm_mean": 341.7129493340398,
  "summary_gm_median": 339.89493234455585,
  "summary_gm_n": 372171.0,
  "summary_gm_p05": 278.13043390214443,
  "summary_gm_p95": 411.66822749376297,
  "summary_gm_stdv": 40.73778806682259,
  "summary_wm_k": -1.2923114723864342,
  "summary_wm_mad": 298.6141375769843,
  "summary_wm_mean": 775.9105203976495,
  "summary_wm_median": 1000.190228626132,
  "summary_wm_n": 29954.0,
  "summary_wm_p05": 22.87045708298683,
  "summary_wm_p95": 1318.9264220893383,
  "summary_wm_stdv": 483.70201622133817,
  "tpm_overlap_csf": 0.12278837323050305,
  "tpm_overlap_gm": 0.4142572790521562,
  "tpm_overlap_wm": 0.042669926209394124,
  "wm2max": 0.7704605805329182
}