{
  "aor": 0.01603859296482412,
  "aqi": 0.006630985527638192,
  "bids_meta": {
    "AcquisitionMatrixPE": 64,
    "AcquisitionNumber": 1,
    "AcquisitionTime": "14:52:57.000000",
    "BodyPartExamined": "BRAIN",
    "CoilString": "32Ch Head",
    "ConversionSoftware": "dcm2niix",
    "ConversionSoftwareVersion": "v1.0.20211006",
    "Dcm2bidsVersion": "2.1.6",
    "DeviceSerialNumber": "000301496MR3T6MR",
    "EchoTime": 0.0169,
    "EffectiveEchoSpacing": 0.000416,
    "FlipAngle": 90,
    "ImageOrientationPatientDICOM": [
      1,
      0,
      0,
      0,
      1,
      0
    ],
    "ImageType": [
      "ORIGINAL",
      "PRIMARY",
      "OTHER"
    ],
    "ImagingFrequency": 127.697,
    "InPlanePhaseEncodingDirectionDICOM": "COL",
    "InstitutionName": "NIH FMRIF",
    "InternalPulseSequenceName": "EPI",
    "MRAcquisitionType": "2D",
    "MagneticFieldStrength": 3,
    "Manufacturer": "GE",
    "ManufacturersModelName": "DISCOVERY MR750",
    "Modality": "MR",
    "PatientPosition": "HFS",
    "PercentPhaseFOV": 100,
    "PercentSampling": 100,
    "PhaseEncodingDirection": "j",
    "PhaseEncodingPolarityGE": "Flipped",
    "PixelBandwidth": 7812.5,
    "ProcedureStepDescription": "MRI Brain",
    "ProtocolName": "ADNI3 FMRIF Enhanced Pro",
    "PulseSequenceName": "epi",
    "ReconMatrixPE": 64,
    "RepetitionTime": 3,
    "SAR": 0.205947,
    "ScanOptions": "MP_GEMS\\EPI_GEMS\\PFF",
    "ScanningSequence": "EP\\GR",
    "SequenceVariant": "SS",
    "SeriesDescription": "Axial rsfMRI with Eyes Open - RKV",
    "SeriesNumber": 10,
    "SliceThickness": 3.4,
    "SliceTiming": [
      0,
      1.5,
      0.0625,
      1.5625,
      0.125,
      1.625,
      0.1875,
      1.6875,
      0.25,
      1.75,
      0.3125,
      1.8125,
      0.375,
      1.875,
      0.4375,
      1.9375,
      0.5,
      2,
      0.5625,
      2.0625,
      0.625,
      2.125,
      0.6875,
      2.1875,
      0.75,
      2.25,
      0.8125,
      2.3125,
      0.875,
      2.375,
      0.9375,
      2.4375,
      1,
      2.5,
      1.0625,
      2.5625,
      1.125,
      2.625,
      1.1875,
      2.6875,
      1.25,
      2.75,
      1.3125,
      2.8125,
      1.375,
      2.875,
      1.4375,
      2.9375
    ],
    "SoftwareVersions": "27\\LX\\MR Software release:DV26.0_R03_1831.b",
    "SpacingBetweenSlices": 3.4,
    "StationName": "FMRI3tb",
    "TaskName": "Resting state with eyes open.",
    "TotalReadoutTime": 0.026208,
    "TriggerDelayTime": 599938,
    "dataset": "ds004215",
    "modality": "bold",
    "session_id": "01",
    "subject_id": "ON54268",
    "task_id": "rest"
  },
  "dummy_trs": 1,
  "dvars_nstd": 19.59006422717172,
  "dvars_std": 0.9494751669191915,
  "dvars_vstd": 0.9166910800505056,
  "efc": 0.52317660203942,
  "fber": 3008.1064453125,
  "fd_mean": 0.2940467645066493,
  "fd_num": 55,
  "fd_perc": 27.63819095477387,
  "fwhm_avg": 2.862151891789001,
  "fwhm_x": 2.61056,
  "fwhm_y": 2.645128727272727,
  "fwhm_z": 3.330766948094277,
  "gcor": 0.107527,
  "gsr_x": 0.00034835137194022536,
  "gsr_y": 0.0827140137553215,
  "provenance": {
    "md5sum": "572afdadb7302616d8572fee5add69c8",
    "settings": {
      "fd_thres": 0.2,
      "testing": false
    },
    "software": "mriqc",
    "version": "22.0.6",
    "webapi_port": null,
    "webapi_url": "https://mriqc.nimh.nih.gov/api/v1"
  },
  "size_t": 199,
  "size_x": 64,
  "size_y": 64,
  "size_z": 48,
  "snr": 3.4757723615586538,
  "spacing_tr": 3.0,
  "spacing_x": 3.4375,
  "spacing_y": 3.4375,
  "spacing_z": 3.3999977111816406,
  "summary_bg_k": 18.815932298464034,
  "summary_bg_mad": 27.357365879991043,
  "summary_bg_mean": 228.75180053710938,
  "summary_bg_median": 47.190956115722656,
  "summary_bg_n": 123932.0,
  "summary_bg_p05": 21.932411670684814,
  "summary_bg_p95": 1167.521319580078,
  "summary_bg_stdv": 421.8660583496094,
  "summary_fg_k": 2.834226086362616,
  "summary_fg_mad": 623.3636500123164,
  "summary_fg_mean": 2661.1884765625,
  "summary_fg_median": 2559.422119140625,
  "summary_fg_n": 32177.0,
  "summary_fg_p05": 1662.9517333984375,
  "summary_fg_p95": 3975.8431152343746,
  "summary_fg_stdv": 736.3492431640625,
  "tsnr": 47.86916344612837
}