{
  "aor": 0.0019604020100502514,
  "aqi": 0.0030440334170854268,
  "bids_meta": {
    "AcquisitionMatrixPE": 64,
    "AcquisitionNumber": 1,
    "AcquisitionTime": "15:44:49.000000",
    "BodyPartExamined": "BRAIN",
    "CoilString": "32Ch Head",
    "ConversionSoftware": "dcm2niix",
    "ConversionSoftwareVersion": "v1.0.20211006",
    "Dcm2bidsVersion": "2.1.6",
    "DeviceSerialNumber": "000301496MR3T6MR",
    "EchoTime": 0.0169,
    "EffectiveEchoSpacing": 0.000416,
    "FlipAngle": 90,
    "ImageOrientationPatientDICOM": [
      1,
      0,
      0,
      0,
      1,
      0
    ],
    "ImageType": [
      "ORIGINAL",
      "PRIMARY",
      "OTHER"
    ],
    "ImagingFrequency": 127.697,
    "InPlanePhaseEncodingDirectionDICOM": "COL",
    "InstitutionName": "NIH FMRIF",
    "InternalPulseSequenceName": "EPI",
    "MRAcquisitionType": "2D",
    "MagneticFieldStrength": 3,
    "Manufacturer": "GE",
    "ManufacturersModelName": "DISCOVERY MR750",
    "Modality": "MR",
    "PatientPosition": "HFS",
    "PercentPhaseFOV": 100,
    "PercentSampling": 100,
    "PhaseEncodingDirection": "j",
    "PhaseEncodingPolarityGE": "Flipped",
    "PixelBandwidth": 7812.5,
    "ProcedureStepDescription": "MRI Brain",
    "ProtocolName": "ADNI3 FMRIF Enhanced Pro",
    "PulseSequenceName": "epi",
    "ReconMatrixPE": 64,
    "RepetitionTime": 3,
    "SAR": 0.199401,
    "ScanOptions": "MP_GEMS\\EPI_GEMS\\PFF",
    "ScanningSequence": "EP\\GR",
    "SequenceVariant": "SS",
    "SeriesDescription": "Axial rsfMRI with Eyes Open - RKV",
    "SeriesNumber": 11,
    "SliceThickness": 3.4,
    "SliceTiming": [
      0,
      1.5,
      0.0625,
      1.5625,
      0.125,
      1.625,
      0.1875,
      1.6875,
      0.25,
      1.75,
      0.3125,
      1.8125,
      0.375,
      1.875,
      0.4375,
      1.9375,
      0.5,
      2,
      0.5625,
      2.0625,
      0.625,
      2.125,
      0.6875,
      2.1875,
      0.75,
      2.25,
      0.8125,
      2.3125,
      0.875,
      2.375,
      0.9375,
      2.4375,
      1,
      2.5,
      1.0625,
      2.5625,
      1.125,
      2.625,
      1.1875,
      2.6875,
      1.25,
      2.75,
      1.3125,
      2.8125,
      1.375,
      2.875,
      1.4375,
      2.9375
    ],
    "SoftwareVersions": "27\\LX\\MR Software release:DV26.0_R01_1725.a",
    "SpacingBetweenSlices": 3.4,
    "StationName": "fmrif3tb",
    "TaskName": "Resting state with eyes open.",
    "TotalReadoutTime": 0.026208,
    "TriggerDelayTime": 599938,
    "dataset": "ds004215",
    "modality": "bold",
    "session_id": "01",
    "subject_id": "ON87054",
    "task_id": "rest"
  },
  "dummy_trs": 1,
  "dvars_nstd": 13.065385938989891,
  "dvars_std": 1.2202064891919195,
  "dvars_vstd": 0.9756748630303026,
  "efc": 0.4720159950894095,
  "fber": 4244.48779296875,
  "fd_mean": 0.09841716835995924,
  "fd_num": 7,
  "fd_perc": 3.5175879396984926,
  "fwhm_avg": 2.7811325272826823,
  "fwhm_x": 2.6461672727272725,
  "fwhm_y": 2.5401658181818183,
  "fwhm_z": 3.157064490938956,
  "gcor": 0.0853841,
  "gsr_x": 0.017762569710612297,
  "gsr_y": 0.03605641424655914,
  "provenance": {
    "md5sum": "9b7850068391ea49449435b787ace026",
    "settings": {
      "fd_thres": 0.2,
      "testing": false
    },
    "software": "mriqc",
    "version": "22.0.6",
    "webapi_port": null,
    "webapi_url": "https://mriqc.nimh.nih.gov/api/v1"
  },
  "size_t": 199,
  "size_x": 64,
  "size_y": 64,
  "size_z": 48,
  "snr": 3.610511753328519,
  "spacing_tr": 3.0,
  "spacing_x": 3.4375,
  "spacing_y": 3.4375,
  "spacing_z": 3.399993896484375,
  "summary_bg_k": 35.31465276189358,
  "summary_bg_mad": 13.365771208492,
  "summary_bg_mean": 146.54867553710938,
  "summary_bg_median": 37.01507568359375,
  "summary_bg_n": 131916.0,
  "summary_bg_p05": 22.708541870117188,
  "summary_bg_p95": 736.5100555419922,
  "summary_bg_stdv": 299.0105285644531,
  "summary_fg_k": 2.9148934070123254,
  "summary_fg_mad": 568.2986960089156,
  "summary_fg_mean": 2509.028076171875,
  "summary_fg_median": 2415.32666015625,
  "summary_fg_n": 26305.0,
  "summary_fg_p05": 1598.4582275390626,
  "summary_fg_p95": 3684.606982421875,
  "summary_fg_stdv": 668.9580078125,
  "tsnr": 107.74388714507222
}