{
  "aor": 0.029025000000000002,
  "aqi": 0.000515088625,
  "bids_meta": {
    "AcquisitionMatrixPE": 64,
    "AcquisitionNumber": 1,
    "AcquisitionTime": "15:55:43.000000",
    "BodyPartExamined": "BRAIN",
    "CoilString": "32Ch Head",
    "ConversionSoftware": "dcm2niix",
    "ConversionSoftwareVersion": "v1.0.20211006",
    "Dcm2bidsVersion": "2.1.6",
    "DeviceSerialNumber": "000301496MR3T6MR",
    "EchoTime": 0.0169,
    "EffectiveEchoSpacing": 0.000416,
    "FlipAngle": 90,
    "ImageOrientationPatientDICOM": [
      1,
      0,
      0,
      0,
      1,
      0
    ],
    "ImageType": [
      "ORIGINAL",
      "PRIMARY",
      "OTHER"
    ],
    "ImagingFrequency": 127.697,
    "InPlanePhaseEncodingDirectionDICOM": "COL",
    "InstitutionName": "NIH FMRIF",
    "InternalPulseSequenceName": "EPI",
    "MRAcquisitionType": "2D",
    "MagneticFieldStrength": 3,
    "Manufacturer": "GE",
    "ManufacturersModelName": "DISCOVERY MR750",
    "Modality": "MR",
    "PatientPosition": "HFS",
    "PercentPhaseFOV": 100,
    "PercentSampling": 100,
    "PhaseEncodingDirection": "j-",
    "PhaseEncodingPolarityGE": "Unflipped",
    "PixelBandwidth": 7812.5,
    "ProcedureStepDescription": "MRI Brain",
    "ProtocolName": "ADNI3 FMRIF Enhanced Pro",
    "PulseSequenceName": "epi",
    "ReconMatrixPE": 64,
    "RepetitionTime": 3,
    "SAR": 0.199645,
    "ScanOptions": "MP_GEMS\\EPI_GEMS\\PFF",
    "ScanningSequence": "EP\\GR",
    "SequenceVariant": "SS",
    "SeriesDescription": "Axial rsfMRI reverse blip - RKV",
    "SeriesNumber": 12,
    "SliceThickness": 3.4,
    "SliceTiming": [
      0,
      1.5,
      0.0625,
      1.5625,
      0.125,
      1.625,
      0.1875,
      1.6875,
      0.25,
      1.75,
      0.3125,
      1.8125,
      0.375,
      1.875,
      0.4375,
      1.9375,
      0.5,
      2,
      0.5625,
      2.0625,
      0.625,
      2.125,
      0.6875,
      2.1875,
      0.75,
      2.25,
      0.8125,
      2.3125,
      0.875,
      2.375,
      0.9375,
      2.4375,
      1,
      2.5,
      1.0625,
      2.5625,
      1.125,
      2.625,
      1.1875,
      2.6875,
      1.25,
      2.75,
      1.3125,
      2.8125,
      1.375,
      2.875,
      1.4375,
      2.9375
    ],
    "SoftwareVersions": "27\\LX\\MR Software release:DV26.0_R01_1725.a",
    "SpacingBetweenSlices": 3.4,
    "StationName": "fmrif3tb",
    "TaskName": "Resting state with reverse blip.",
    "TotalReadoutTime": 0.026208,
    "TriggerDelayTime": 29938,
    "dataset": "ds004215",
    "modality": "bold",
    "session_id": "01",
    "subject_id": "ON87054",
    "task_id": "rest"
  },
  "dummy_trs": 2,
  "dvars_nstd": 11.53781822857143,
  "dvars_std": 1.1783116357142858,
  "dvars_vstd": 1.089981242857143,
  "efc": 0.4920508748138188,
  "fber": 4146.18115234375,
  "fd_mean": 0.07272299281249527,
  "fd_num": 0,
  "fd_perc": 0.0,
  "fwhm_avg": 2.6193781296716527,
  "fwhm_x": 2.422277818181818,
  "fwhm_y": 2.6334603636363636,
  "fwhm_z": 2.802396207196776,
  "gcor": 0.00878459,
  "gsr_x": 0.01126933190971613,
  "gsr_y": 0.03882824629545212,
  "provenance": {
    "md5sum": "d11afc347e0ffe9c801cf65c7b57ccf8",
    "settings": {
      "fd_thres": 0.2,
      "testing": false
    },
    "software": "mriqc",
    "version": "22.0.6",
    "webapi_port": null,
    "webapi_url": "https://mriqc.nimh.nih.gov/api/v1"
  },
  "size_t": 8,
  "size_x": 64,
  "size_y": 64,
  "size_z": 48,
  "snr": 4.260141195596251,
  "spacing_tr": 3.0,
  "spacing_x": 3.4375,
  "spacing_y": 3.4375,
  "spacing_z": 3.399993896484375,
  "summary_bg_k": 15.731432065774833,
  "summary_bg_mad": 12.602118857297617,
  "summary_bg_mean": 142.46205139160156,
  "summary_bg_median": 36.5,
  "summary_bg_n": 128114.0,
  "summary_bg_p05": 24.375,
  "summary_bg_p95": 730.5437499999989,
  "summary_bg_stdv": 270.2064208984375,
  "summary_fg_k": 0.5326946491090263,
  "summary_fg_mad": 492.40926182117306,
  "summary_fg_mean": 2419.8134765625,
  "summary_fg_median": 2360.625,
  "summary_fg_n": 28729.0,
  "summary_fg_p05": 1560.05,
  "summary_fg_p95": 3415.7249999999995,
  "summary_fg_stdv": 554.1093139648438,
  "tsnr": 200.45958288386464
}