{
  "bids_meta": {
    "AcquisitionMatrixPE": 256,
    "AcquisitionNumber": 1,
    "AcquisitionTime": "14:11:36.000000",
    "BodyPartExamined": "BRAIN",
    "CoilString": "32Ch Head",
    "ConversionSoftware": "dcm2niix",
    "ConversionSoftwareVersion": "v1.0.20211006",
    "Dcm2bidsVersion": "2.1.6",
    "DeviceSerialNumber": "000301496MR3T6MR",
    "EchoTime": 0.00292,
    "FlipAngle": 8,
    "ImageOrientationPatientDICOM": [
      0,
      1,
      0,
      0,
      0,
      -1
    ],
    "ImageType": [
      "ORIGINAL",
      "PRIMARY",
      "OTHER"
    ],
    "ImagingFrequency": 127.697,
    "InPlanePhaseEncodingDirectionDICOM": "ROW",
    "InstitutionName": "NIH FMRIF",
    "InversionTime": 1.06,
    "MRAcquisitionType": "3D",
    "MagneticFieldStrength": 3,
    "Manufacturer": "GE",
    "ManufacturersModelName": "DISCOVERY MR750",
    "Modality": "MR",
    "ParallelReductionFactorInPlane": 2,
    "ParallelReductionOutOfPlane": 2,
    "PatientPosition": "HFS",
    "PercentPhaseFOV": 100,
    "PercentSampling": 100,
    "PixelBandwidth": 244.141,
    "ProcedureStepDescription": "MRI Brain",
    "ProtocolName": "ADNI3 FMRIF Enhanced Pro",
    "ReconMatrixPE": 256,
    "RepetitionTime": 0.006952,
    "SAR": 0.102909,
    "ScanOptions": "EDR_GEMS\\PROMO_GEMS\\ACC_GEMS\\IR_GEMS",
    "ScanningSequence": "RM",
    "SequenceVariant": "NONE",
    "SeriesDescription": "ORIG Anat T1w MP-RAGE 1mm (ABCD)",
    "SeriesNumber": 40003,
    "SliceThickness": 1,
    "SoftwareVersions": "27\\LX\\MR Software release:DV26.0_R01_1725.a",
    "SpacingBetweenSlices": 1,
    "StationName": "fmrif3tb",
    "acq_id": "MPRAGE",
    "dataset": "ds004215",
    "modality": "T1w",
    "session_id": "01",
    "subject_id": "ON79309"
  },
  "cjv": 0.3381069715840358,
  "cnr": 3.9332906902917,
  "efc": 0.4135489294031525,
  "fber": 6177.960000000001,
  "fwhm_avg": 3.369313333333334,
  "fwhm_x": 3.33564,
  "fwhm_y": 3.46061,
  "fwhm_z": 3.31169,
  "icvs_csf": 0.22847002947052375,
  "icvs_gm": 0.4357618245127458,
  "icvs_wm": 0.3357681460167304,
  "inu_med": 0.8653069138526917,
  "inu_range": 0.4352258503437042,
  "provenance": {
    "md5sum": "c57ea67789e4ca30cf2d4cd4f351db65",
    "settings": {
      "testing": false
    },
    "software": "mriqc",
    "version": "22.0.6",
    "warnings": {
      "large_rot_frame": true,
      "small_air_mask": false
    },
    "webapi_port": null,
    "webapi_url": "https://mriqc.nimh.nih.gov/api/v1"
  },
  "qi_1": 0.0,
  "qi_2": 0.00163622277505765,
  "rpve_csf": 28.75639918250059,
  "rpve_gm": 15.732755159680499,
  "rpve_wm": 23.43202605908223,
  "size_x": 208,
  "size_y": 256,
  "size_z": 256,
  "snr_csf": 1.1448289206729665,
  "snr_gm": 8.211616679280128,
  "snr_total": 9.02347076380074,
  "snr_wm": 17.713966691449123,
  "snrd_csf": 7.594318874764427,
  "snrd_gm": 33.970822279786226,
  "snrd_total": 31.979461616485185,
  "snrd_wm": 54.373243694904914,
  "spacing_x": 1.0,
  "spacing_y": 1.0,
  "spacing_z": 1.0,
  "summary_bg_k": 1.6845615663128592,
  "summary_bg_mad": 12.048875159985688,
  "summary_bg_mean": 11.840290290259937,
  "summary_bg_median": 8.12684279680252,
  "summary_bg_n": 3642235.0,
  "summary_bg_p05": 0.0,
  "summary_bg_p95": 32.90574583411217,
  "summary_bg_stdv": 11.200868012451348,
  "summary_csf_k": 0.7592437642178975,
  "summary_csf_mad": 102.53356508693703,
  "summary_csf_mean": 175.45805540597476,
  "summary_csf_median": 139.67015120387077,
  "summary_csf_n": 25976.0,
  "summary_csf_p05": 33.82200752198696,
  "summary_csf_p95": 422.0878977589309,
  "summary_csf_stdv": 121.99854511869445,
  "summary_gm_k": 0.2041083368133063,
  "summary_gm_mad": 74.83296484167582,
  "summary_gm_mean": 623.77301671263,
  "summary_gm_median": 624.7709587365389,
  "summary_gm_n": 22666.0,
  "summary_gm_p05": 496.733347222209,
  "summary_gm_p95": 746.8727880120277,
  "summary_gm_stdv": 76.08211645378586,
  "summary_wm_k": 0.8485634145084795,
  "summary_wm_mad": 52.03460301934996,
  "summary_wm_mean": 998.2841495004893,
  "summary_wm_median": 1000.0000386536121,
  "summary_wm_n": 160157.0,
  "summary_wm_p05": 903.1153245270252,
  "summary_wm_p95": 1086.8457116782665,
  "summary_wm_stdv": 56.45245551888367,
  "tpm_overlap_csf": 0.172625808193475,
  "tpm_overlap_gm": 0.4715023411595591,
  "tpm_overlap_wm": 0.5212254426394931,
  "wm2max": 0.46594769179366285
}