{
  "aor": 0.03628888888888889,
  "aqi": 0.00041001377777777776,
  "bids_meta": {
    "AcquisitionMatrixPE": 64,
    "AcquisitionNumber": 1,
    "AcquisitionTime": "16:12:3.000000",
    "BodyPartExamined": "BRAIN",
    "CoilString": "32Ch Head",
    "ConversionSoftware": "dcm2niix",
    "ConversionSoftwareVersion": "v1.0.20211006",
    "Dcm2bidsVersion": "2.1.6",
    "DeviceSerialNumber": "000301496MR3T6MR",
    "EchoTime": 0.0169,
    "EffectiveEchoSpacing": 0.000416,
    "FlipAngle": 90,
    "ImageOrientationPatientDICOM": [
      1,
      0,
      0,
      0,
      1,
      0
    ],
    "ImageType": [
      "ORIGINAL",
      "PRIMARY",
      "OTHER"
    ],
    "ImagingFrequency": 127.697,
    "InPlanePhaseEncodingDirectionDICOM": "COL",
    "InstitutionName": "NIH FMRIF",
    "InternalPulseSequenceName": "EPI",
    "MRAcquisitionType": "2D",
    "MagneticFieldStrength": 3,
    "Manufacturer": "GE",
    "ManufacturersModelName": "DISCOVERY MR750",
    "Modality": "MR",
    "PatientPosition": "HFS",
    "PercentPhaseFOV": 100,
    "PercentSampling": 100,
    "PhaseEncodingDirection": "j",
    "PhaseEncodingPolarityGE": "Flipped",
    "PixelBandwidth": 7812.5,
    "ProcedureStepDescription": "MRI BRAIN",
    "ProtocolName": "ADNI3 FMRIF Enhanced Pro",
    "PulseSequenceName": "epi",
    "ReconMatrixPE": 64,
    "RepetitionTime": 3,
    "SAR": 0.15919,
    "ScanOptions": "MP_GEMS\\EPI_GEMS\\PFF",
    "ScanningSequence": "EP\\GR",
    "SequenceVariant": "SS",
    "SeriesDescription": "Axial rsfMRI reverse blip - RKV",
    "SeriesNumber": 12,
    "SliceThickness": 3.4,
    "SliceTiming": [
      0,
      1.5,
      0.0625,
      1.5625,
      0.125,
      1.625,
      0.1875,
      1.6875,
      0.25,
      1.75,
      0.3125,
      1.8125,
      0.375,
      1.875,
      0.4375,
      1.9375,
      0.5,
      2,
      0.5625,
      2.0625,
      0.625,
      2.125,
      0.6875,
      2.1875,
      0.75,
      2.25,
      0.8125,
      2.3125,
      0.875,
      2.375,
      0.9375,
      2.4375,
      1,
      2.5,
      1.0625,
      2.5625,
      1.125,
      2.625,
      1.1875,
      2.6875,
      1.25,
      2.75,
      1.3125,
      2.8125,
      1.375,
      2.875,
      1.4375,
      2.9375
    ],
    "SoftwareVersions": "27\\LX\\MR Software release:DV26.0_R01_1725.a",
    "SpacingBetweenSlices": 3.4,
    "StationName": "fmrif3tb",
    "TaskName": "Resting state with reverse blip.",
    "TotalReadoutTime": 0.026208,
    "TriggerDelayTime": 29938,
    "dataset": "ds004215",
    "modality": "bold",
    "session_id": "01",
    "subject_id": "ON62623",
    "task_id": "rest"
  },
  "dummy_trs": 1,
  "dvars_nstd": 7.742446243750001,
  "dvars_std": 1.2478355325,
  "dvars_vstd": 1.37442638,
  "efc": 0.4327966952142559,
  "fber": 5348.56640625,
  "fd_mean": 0.1208650833326245,
  "fd_num": 0,
  "fd_perc": 0.0,
  "fwhm_avg": 2.7653018835089895,
  "fwhm_x": 2.626181818181818,
  "fwhm_y": 2.6270487272727276,
  "fwhm_z": 3.0426751050724232,
  "gcor": 0.0169811,
  "gsr_x": -0.008799896575510502,
  "gsr_y": 0.03422052040696144,
  "provenance": {
    "md5sum": "b3b9bde56f94699d65d0425f74345e34",
    "settings": {
      "fd_thres": 0.2,
      "testing": false
    },
    "software": "mriqc",
    "version": "22.0.6",
    "webapi_port": null,
    "webapi_url": "https://mriqc.nimh.nih.gov/api/v1"
  },
  "size_t": 9,
  "size_x": 64,
  "size_y": 64,
  "size_z": 48,
  "snr": 4.1885270737861475,
  "spacing_tr": 3.0,
  "spacing_x": 3.4375,
  "spacing_y": 3.4375,
  "spacing_z": 3.4000015258789062,
  "summary_bg_k": 31.39953835384169,
  "summary_bg_mad": 10.048749626688775,
  "summary_bg_mean": 121.83611297607422,
  "summary_bg_median": 33.66666793823242,
  "summary_bg_n": 140072.0,
  "summary_bg_p05": 24.33333396911621,
  "summary_bg_p95": 600.888916015625,
  "summary_bg_stdv": 241.79734802246094,
  "summary_fg_k": 3.23202382669521,
  "summary_fg_mad": 453.0171434525827,
  "summary_fg_mean": 2515.61474609375,
  "summary_fg_median": 2453.666748046875,
  "summary_fg_n": 21509.0,
  "summary_fg_p05": 1699.933349609375,
  "summary_fg_p95": 3647.3111816406235,
  "summary_fg_stdv": 585.79296875,
  "tsnr": 244.8645555227995
}