{
  "bids_meta": {
    "AcquisitionMatrixPE": 256,
    "AcquisitionNumber": 1,
    "AcquisitionTime": "15:08:26.000000",
    "BodyPartExamined": "BRAIN",
    "CoilString": "32Ch Head",
    "ConversionSoftware": "dcm2niix",
    "ConversionSoftwareVersion": "v1.0.20211006",
    "Dcm2bidsVersion": "2.1.6",
    "DeviceSerialNumber": "000301496MR3T6MR",
    "EchoTime": 0.00292,
    "FlipAngle": 8,
    "ImageOrientationPatientDICOM": [
      0,
      1,
      0,
      0,
      0,
      -1
    ],
    "ImageType": [
      "ORIGINAL",
      "PRIMARY",
      "OTHER"
    ],
    "ImagingFrequency": 127.696,
    "InPlanePhaseEncodingDirectionDICOM": "ROW",
    "InstitutionName": "NIH FMRIF",
    "InversionTime": 1.06,
    "MRAcquisitionType": "3D",
    "MagneticFieldStrength": 3,
    "Manufacturer": "GE",
    "ManufacturersModelName": "DISCOVERY MR750",
    "Modality": "MR",
    "ParallelReductionFactorInPlane": 2,
    "ParallelReductionOutOfPlane": 2,
    "PatientPosition": "HFS",
    "PercentPhaseFOV": 100,
    "PercentSampling": 100,
    "PixelBandwidth": 244.141,
    "ProcedureStepDescription": "MRI Brain",
    "ProtocolName": "ADNI3 FMRIF Enhanced Pro",
    "ReconMatrixPE": 256,
    "RepetitionTime": 0.006952,
    "SAR": 0.103943,
    "ScanOptions": "EDR_GEMS\\PROMO_GEMS\\FILTERED_GEMS\\ACC_GEMS\\IR_GEMS",
    "ScanningSequence": "RM",
    "SequenceVariant": "NONE",
    "SeriesDescription": "Anat T1w MP-RAGE 1mm (ABCD)",
    "SeriesNumber": 3,
    "SliceThickness": 1,
    "SoftwareVersions": "27\\LX\\MR Software release:DV26.0_R03_1831.b",
    "SpacingBetweenSlices": 1,
    "StationName": "FMRI3tb",
    "acq_id": "MPRAGE",
    "dataset": "ds004215",
    "modality": "T1w",
    "rec_id": "SCIC",
    "session_id": "01",
    "subject_id": "ON42107"
  },
  "cjv": 0.32664901133482677,
  "cnr": 4.052628236031121,
  "efc": 0.6705469474091611,
  "fber": 13822.225492506364,
  "fwhm_avg": 3.4541566666666665,
  "fwhm_x": 3.38337,
  "fwhm_y": 3.60287,
  "fwhm_z": 3.37623,
  "icvs_csf": 0.25455704725158956,
  "icvs_gm": 0.4228604235382757,
  "icvs_wm": 0.32258252921013475,
  "inu_med": 0.5038515329360962,
  "inu_range": 0.06966212987899778,
  "provenance": {
    "md5sum": "f54f311f46ebe401d6894f264ad348ec",
    "settings": {
      "testing": false
    },
    "software": "mriqc",
    "version": "22.0.6",
    "warnings": {
      "large_rot_frame": true,
      "small_air_mask": false
    },
    "webapi_port": null,
    "webapi_url": "https://mriqc.nimh.nih.gov/api/v1"
  },
  "qi_1": 0.0,
  "qi_2": 0.004176459071462628,
  "rpve_csf": 26.356874735003636,
  "rpve_gm": 15.692844457788981,
  "rpve_wm": 23.66556097833351,
  "size_x": 208,
  "size_y": 256,
  "size_z": 256,
  "snr_csf": 1.674914342695564,
  "snr_gm": 8.903837287074792,
  "snr_total": 9.836998370871818,
  "snr_wm": 18.9322434828451,
  "snrd_csf": 8.046574455676934,
  "snrd_gm": 31.61814668711956,
  "snrd_total": 29.792201842556285,
  "snrd_wm": 49.71188438487237,
  "spacing_x": 1.0,
  "spacing_y": 1.0,
  "spacing_z": 1.0,
  "summary_bg_k": 77.09429590564667,
  "summary_bg_mad": 0.0,
  "summary_bg_mean": 6.676108164177837,
  "summary_bg_median": 0.0,
  "summary_bg_n": 828565.0,
  "summary_bg_p05": 0.0,
  "summary_bg_p95": 31.860696762800217,
  "summary_bg_stdv": 13.178667478054328,
  "summary_csf_k": 1.3754880181975215,
  "summary_csf_mad": 72.53357238760259,
  "summary_csf_mean": 187.61968887848874,
  "summary_csf_median": 161.8641997128725,
  "summary_csf_n": 54631.0,
  "summary_csf_p05": 75.20418271422386,
  "summary_csf_p95": 388.25844007730484,
  "summary_csf_stdv": 96.63940068350618,
  "summary_gm_k": 0.23749121645166804,
  "summary_gm_mad": 68.01770810121191,
  "summary_gm_mean": 635.8518653062781,
  "summary_gm_median": 636.0279194712639,
  "summary_gm_n": 25371.0,
  "summary_gm_p05": 516.631171323359,
  "summary_gm_p95": 753.6725988462567,
  "summary_gm_stdv": 71.43160463245285,
  "summary_wm_k": 0.33813884244201775,
  "summary_wm_mad": 50.873409173233114,
  "summary_wm_mean": 998.3440855947943,
  "summary_wm_median": 999.9999908655882,
  "summary_wm_n": 169669.0,
  "summary_wm_p05": 908.4341813027859,
  "summary_wm_p95": 1081.9698545336723,
  "summary_wm_stdv": 52.819785719167676,
  "tpm_overlap_csf": 0.15594580967573027,
  "tpm_overlap_gm": 0.4668966082678258,
  "tpm_overlap_wm": 0.501741605551112,
  "wm2max": 0.6380099057577217
}