{
  "bids_meta": {
    "AcquisitionMatrixPE": 256,
    "AcquisitionNumber": 1,
    "AcquisitionTime": "15:15:24.000000",
    "BodyPartExamined": "BRAIN",
    "CoilString": "32Ch Head",
    "ConversionSoftware": "dcm2niix",
    "ConversionSoftwareVersion": "v1.0.20211006",
    "Dcm2bidsVersion": "2.1.6",
    "DeviceSerialNumber": "000301496MR3T6MR",
    "EchoTime": 0.065888,
    "EchoTrainLength": 140,
    "FlipAngle": 90,
    "ImageOrientationPatientDICOM": [
      0,
      1,
      0,
      0,
      0,
      -1
    ],
    "ImageType": [
      "ORIGINAL",
      "PRIMARY",
      "OTHER"
    ],
    "ImagingFrequency": 127.696,
    "InPlanePhaseEncodingDirectionDICOM": "ROW",
    "InstitutionName": "NIH FMRIF",
    "MRAcquisitionType": "3D",
    "MagneticFieldStrength": 3,
    "Manufacturer": "GE",
    "ManufacturersModelName": "DISCOVERY MR750",
    "Modality": "MR",
    "ParallelReductionFactorInPlane": 2,
    "ParallelReductionOutOfPlane": 1.5,
    "PatientPosition": "HFS",
    "PercentPhaseFOV": 100,
    "PercentSampling": 100,
    "PhaseEncodingAxis": "i",
    "PixelBandwidth": 244.141,
    "ProcedureStepDescription": "MRI Brain",
    "ProtocolName": "ADNI3 FMRIF Enhanced Pro",
    "ReconMatrixPE": 256,
    "RepetitionTime": 3.202,
    "SAR": 0.4489,
    "ScanOptions": "SAT_GEMS\\EDR_GEMS\\PROMO_GEMS\\ACC_GEMS\\FS\\FR_GEMS",
    "ScanningSequence": "RM",
    "SequenceVariant": "NONE",
    "SeriesDescription": "ORIG Anat T2w CUBE (ABCD)",
    "SeriesNumber": 40004,
    "SliceThickness": 1,
    "SoftwareVersions": "27\\LX\\MR Software release:DV26.0_R03_1831.b",
    "SpacingBetweenSlices": 1,
    "StationName": "FMRI3tb",
    "acq_id": "CUBE",
    "dataset": "ds004215",
    "modality": "T2w",
    "session_id": "01",
    "subject_id": "ON42107"
  },
  "cjv": 0.9376020423599917,
  "cnr": 1.1439851340461757,
  "efc": 0.3790603207240741,
  "fber": 10027.012081749406,
  "fwhm_avg": 2.405746666666667,
  "fwhm_x": 2.0219,
  "fwhm_y": 2.62036,
  "fwhm_z": 2.57498,
  "icvs_csf": 0.1756017201006378,
  "icvs_gm": 0.6166857313472115,
  "icvs_wm": 0.20771254855215068,
  "inu_med": 0.8445720076560974,
  "inu_range": 0.3466405510902405,
  "provenance": {
    "md5sum": "b23afdbcd65a6c992f89012cc1520072",
    "settings": {
      "testing": false
    },
    "software": "mriqc",
    "version": "22.0.6",
    "warnings": {
      "large_rot_frame": true,
      "small_air_mask": false
    },
    "webapi_port": null,
    "webapi_url": "https://mriqc.nimh.nih.gov/api/v1"
  },
  "qi_1": 0.0,
  "qi_2": 0.018526035258181354,
  "rpve_csf": 29.377203066407073,
  "rpve_gm": 12.408074487616622,
  "rpve_wm": 36.85646920373931,
  "size_x": 204,
  "size_y": 256,
  "size_z": 256,
  "snr_csf": 8.40068387050788,
  "snr_gm": 9.043291130060238,
  "snr_total": 6.46965606357551,
  "snr_wm": 1.9649931901584117,
  "snrd_csf": 77.69311476569365,
  "snrd_gm": 52.660995149617385,
  "snrd_total": 85.70610622251012,
  "snrd_wm": 126.76420875221928,
  "spacing_x": 1.0,
  "spacing_y": 1.0,
  "spacing_z": 1.0,
  "summary_bg_k": 24.858528897922575,
  "summary_bg_mad": 0.0,
  "summary_bg_mean": 3.7594488943698643,
  "summary_bg_median": 0.0,
  "summary_bg_n": 4130745.0,
  "summary_bg_p05": 0.0,
  "summary_bg_p95": 12.340354416519403,
  "summary_bg_stdv": 5.168768942604449,
  "summary_csf_k": 1.9617020615026117,
  "summary_csf_mad": 58.04931531750667,
  "summary_csf_mean": 622.7622942214198,
  "summary_csf_median": 612.9681676290929,
  "summary_csf_n": 4073.0,
  "summary_csf_p05": 523.5185694992542,
  "summary_csf_p95": 762.5045089334249,
  "summary_csf_stdv": 72.95750259237576,
  "summary_gm_k": -0.06949411196613031,
  "summary_gm_mad": 47.462598080898964,
  "summary_gm_mean": 417.9767000146347,
  "summary_gm_median": 415.47457325831056,
  "summary_gm_n": 294452.0,
  "summary_gm_p05": 347.3989482149482,
  "summary_gm_p95": 496.8729887008667,
  "summary_gm_stdv": 45.9427725788794,
  "summary_wm_k": -1.316657600669482,
  "summary_wm_mad": 500.70198903607036,
  "summary_wm_mean": 822.2854165116283,
  "summary_wm_median": 1000.1198303624988,
  "summary_wm_n": 65191.0,
  "summary_wm_p05": 30.74305770173669,
  "summary_wm_p95": 1420.626392800361,
  "summary_wm_stdv": 508.96469496823954,
  "tpm_overlap_csf": 0.10682262513298585,
  "tpm_overlap_gm": 0.3833779759784482,
  "tpm_overlap_wm": 0.049855643005986654,
  "wm2max": 0.7073398071415256
}