{
  "bids_meta": {
    "AcquisitionMatrixPE": 256,
    "AcquisitionNumber": 1,
    "AcquisitionTime": "15:15:24.000000",
    "BodyPartExamined": "BRAIN",
    "CoilString": "32Ch Head",
    "ConversionSoftware": "dcm2niix",
    "ConversionSoftwareVersion": "v1.0.20211006",
    "Dcm2bidsVersion": "2.1.6",
    "DeviceSerialNumber": "000301496MR3T6MR",
    "EchoTime": 0.065888,
    "EchoTrainLength": 140,
    "FlipAngle": 90,
    "ImageOrientationPatientDICOM": [
      0,
      1,
      0,
      0,
      0,
      -1
    ],
    "ImageType": [
      "ORIGINAL",
      "PRIMARY",
      "OTHER"
    ],
    "ImagingFrequency": 127.696,
    "InPlanePhaseEncodingDirectionDICOM": "ROW",
    "InstitutionName": "NIH FMRIF",
    "MRAcquisitionType": "3D",
    "MagneticFieldStrength": 3,
    "Manufacturer": "GE",
    "ManufacturersModelName": "DISCOVERY MR750",
    "Modality": "MR",
    "ParallelReductionFactorInPlane": 2,
    "ParallelReductionOutOfPlane": 1.5,
    "PatientPosition": "HFS",
    "PercentPhaseFOV": 100,
    "PercentSampling": 100,
    "PhaseEncodingAxis": "i",
    "PixelBandwidth": 244.141,
    "ProcedureStepDescription": "MRI Brain",
    "ProtocolName": "ADNI3 FMRIF Enhanced Pro",
    "ReconMatrixPE": 256,
    "RepetitionTime": 3.202,
    "SAR": 0.4489,
    "ScanOptions": "SAT_GEMS\\EDR_GEMS\\PROMO_GEMS\\FILTERED_GEMS\\ACC_GEMS\\FS\\FR_GEMS",
    "ScanningSequence": "RM",
    "SequenceVariant": "NONE",
    "SeriesDescription": "Anat T2w CUBE (ABCD)",
    "SeriesNumber": 4,
    "SliceThickness": 1,
    "SoftwareVersions": "27\\LX\\MR Software release:DV26.0_R03_1831.b",
    "SpacingBetweenSlices": 1,
    "StationName": "FMRI3tb",
    "acq_id": "CUBE",
    "dataset": "ds004215",
    "modality": "T2w",
    "rec_id": "SCIC",
    "session_id": "01",
    "subject_id": "ON42107"
  },
  "cjv": 0.5134306874750814,
  "cnr": 1.3851108237295808,
  "efc": 0.42879340332099414,
  "fber": 6345.829400510203,
  "fwhm_avg": 2.34544,
  "fwhm_x": 1.9618,
  "fwhm_y": 2.62148,
  "fwhm_z": 2.45304,
  "icvs_csf": 0.2676914991746242,
  "icvs_gm": 0.5078004008033512,
  "icvs_wm": 0.22450810002202456,
  "inu_med": 0.7977102994918823,
  "inu_range": 0.16391504406929014,
  "provenance": {
    "md5sum": "bc27106a44ce133551c2d019c81f22c1",
    "settings": {
      "testing": false
    },
    "software": "mriqc",
    "version": "22.0.6",
    "warnings": {
      "large_rot_frame": true,
      "small_air_mask": false
    },
    "webapi_port": null,
    "webapi_url": "https://mriqc.nimh.nih.gov/api/v1"
  },
  "qi_1": 0.0,
  "qi_2": 0.018452184613459648,
  "rpve_csf": 21.441329940012086,
  "rpve_gm": 14.26945629514975,
  "rpve_wm": 33.82752787330959,
  "size_x": 204,
  "size_y": 256,
  "size_z": 256,
  "snr_csf": 11.8256190632388,
  "snr_gm": 10.29651781484445,
  "snr_total": 8.093675313460485,
  "snr_wm": 2.1588890622982086,
  "snrd_csf": 57.6733223435746,
  "snrd_gm": 40.09161165970776,
  "snrd_total": 70.06309167964692,
  "snrd_wm": 112.42434103565839,
  "spacing_x": 1.0,
  "spacing_y": 1.0,
  "spacing_z": 1.0,
  "summary_bg_k": 43.95927135551015,
  "summary_bg_mad": 5.827466335259437,
  "summary_bg_mean": 3.5836551365619114,
  "summary_bg_median": 4.027378290891647,
  "summary_bg_n": 3088203.0,
  "summary_bg_p05": 0.0,
  "summary_bg_p95": 8.848614802584052,
  "summary_bg_stdv": 3.5373625023543913,
  "summary_csf_k": 1.0237550894427843,
  "summary_csf_mad": 40.1320095403581,
  "summary_csf_mean": 514.8670500467935,
  "summary_csf_median": 513.0066721979529,
  "summary_csf_n": 14523.0,
  "summary_csf_p05": 448.1620092354715,
  "summary_csf_p95": 588.5296963499859,
  "summary_csf_stdv": 43.37946345817298,
  "summary_gm_k": 0.16564601142561663,
  "summary_gm_mad": 34.73514416583211,
  "summary_gm_mean": 357.32953291671606,
  "summary_gm_median": 356.61660270020366,
  "summary_gm_n": 184427.0,
  "summary_gm_p05": 302.34380775131285,
  "summary_gm_p95": 414.9361383356154,
  "summary_gm_stdv": 34.63458639983771,
  "summary_wm_k": -1.3031210323464535,
  "summary_wm_mad": 295.6075595435175,
  "summary_wm_mean": 772.1270427575341,
  "summary_wm_median": 1000.0193282635882,
  "summary_wm_n": 74324.0,
  "summary_wm_p05": 27.41715221107006,
  "summary_wm_p95": 1229.8190164304337,
  "summary_wm_stdv": 463.20703470714847,
  "tpm_overlap_csf": 0.10553056572417406,
  "tpm_overlap_gm": 0.3287804537798208,
  "tpm_overlap_wm": 0.05430732596680298,
  "wm2max": 0.8175953775526358
}