{
  "bids_meta": {
    "AcquisitionMatrixPE": 256,
    "AcquisitionNumber": 1,
    "AcquisitionTime": "15:08:26.000000",
    "BodyPartExamined": "BRAIN",
    "CoilString": "32Ch Head",
    "ConversionSoftware": "dcm2niix",
    "ConversionSoftwareVersion": "v1.0.20211006",
    "Dcm2bidsVersion": "2.1.6",
    "DeviceSerialNumber": "000301496MR3T6MR",
    "EchoTime": 0.00292,
    "FlipAngle": 8,
    "ImageOrientationPatientDICOM": [
      0,
      1,
      0,
      0,
      0,
      -1
    ],
    "ImageType": [
      "ORIGINAL",
      "PRIMARY",
      "OTHER"
    ],
    "ImagingFrequency": 127.696,
    "InPlanePhaseEncodingDirectionDICOM": "ROW",
    "InstitutionName": "NIH FMRIF",
    "InversionTime": 1.06,
    "MRAcquisitionType": "3D",
    "MagneticFieldStrength": 3,
    "Manufacturer": "GE",
    "ManufacturersModelName": "DISCOVERY MR750",
    "Modality": "MR",
    "ParallelReductionFactorInPlane": 2,
    "ParallelReductionOutOfPlane": 2,
    "PatientPosition": "HFS",
    "PercentPhaseFOV": 100,
    "PercentSampling": 100,
    "PixelBandwidth": 244.141,
    "ProcedureStepDescription": "MRI Brain",
    "ProtocolName": "ADNI3 FMRIF Enhanced Pro",
    "ReconMatrixPE": 256,
    "RepetitionTime": 0.006952,
    "SAR": 0.103943,
    "ScanOptions": "EDR_GEMS\\PROMO_GEMS\\ACC_GEMS\\IR_GEMS",
    "ScanningSequence": "RM",
    "SequenceVariant": "NONE",
    "SeriesDescription": "ORIG Anat T1w MP-RAGE 1mm (ABCD)",
    "SeriesNumber": 40003,
    "SliceThickness": 1,
    "SoftwareVersions": "27\\LX\\MR Software release:DV26.0_R03_1831.b",
    "SpacingBetweenSlices": 1,
    "StationName": "FMRI3tb",
    "acq_id": "MPRAGE",
    "dataset": "ds004215",
    "modality": "T1w",
    "session_id": "01",
    "subject_id": "ON42107"
  },
  "cjv": 0.33802157405098043,
  "cnr": 3.9406234096695356,
  "efc": 0.4194199726912452,
  "fber": 6403.687166854255,
  "fwhm_avg": 3.605676666666666,
  "fwhm_x": 3.54482,
  "fwhm_y": 3.71162,
  "fwhm_z": 3.56059,
  "icvs_csf": 0.24856431935852355,
  "icvs_gm": 0.4230734163582351,
  "icvs_wm": 0.3283622642832414,
  "inu_med": 0.8566510677337646,
  "inu_range": 0.3748775660991668,
  "provenance": {
    "md5sum": "f987b7021cf5da1b18589ebc18c5f82c",
    "settings": {
      "testing": false
    },
    "software": "mriqc",
    "version": "22.0.6",
    "warnings": {
      "large_rot_frame": true,
      "small_air_mask": false
    },
    "webapi_port": null,
    "webapi_url": "https://mriqc.nimh.nih.gov/api/v1"
  },
  "qi_1": 0.0,
  "qi_2": 0.0015561514702061077,
  "rpve_csf": 27.182413650639575,
  "rpve_gm": 15.75695347600769,
  "rpve_wm": 23.31424681131988,
  "size_x": 208,
  "size_y": 256,
  "size_z": 256,
  "snr_csf": 1.1630252325214911,
  "snr_gm": 8.402868867233577,
  "snr_total": 8.90307294240261,
  "snr_wm": 17.143324727452757,
  "snrd_csf": 6.717041213402892,
  "snrd_gm": 35.55359302630879,
  "snrd_total": 33.06650474154341,
  "snrd_wm": 56.92887998491856,
  "spacing_x": 1.0,
  "spacing_y": 1.0,
  "spacing_z": 1.0,
  "summary_bg_k": 58.02230825039387,
  "summary_bg_mad": 11.507979316933502,
  "summary_bg_mean": 11.657737108183818,
  "summary_bg_median": 7.762014094740152,
  "summary_bg_n": 4289997.0,
  "summary_bg_p05": 0.0,
  "summary_bg_p95": 34.093439899384975,
  "summary_bg_stdv": 12.35186985733206,
  "summary_csf_k": 1.3282373788392814,
  "summary_csf_mad": 72.29653991929995,
  "summary_csf_mean": 148.0272001884873,
  "summary_csf_median": 117.99004200473428,
  "summary_csf_n": 49306.0,
  "summary_csf_p05": 34.650522250682116,
  "summary_csf_p95": 363.2455471633002,
  "summary_csf_stdv": 101.44994467137394,
  "summary_gm_k": 0.24701272845352706,
  "summary_gm_mad": 71.63579469536117,
  "summary_gm_mean": 623.5548382382106,
  "summary_gm_median": 624.5264546275139,
  "summary_gm_n": 22684.0,
  "summary_gm_p05": 499.3314808793366,
  "summary_gm_p95": 744.1134660393,
  "summary_gm_stdv": 74.32136554206782,
  "summary_wm_k": 0.5830363044884126,
  "summary_wm_mad": 55.28235040287672,
  "summary_wm_mean": 997.8056923052177,
  "summary_wm_median": 999.9999594017863,
  "summary_wm_n": 168992.0,
  "summary_wm_p05": 897.9796114675701,
  "summary_wm_p95": 1088.6503309048712,
  "summary_wm_stdv": 58.33156733455721,
  "tpm_overlap_csf": 0.15656419795350904,
  "tpm_overlap_gm": 0.46650193170979865,
  "tpm_overlap_wm": 0.49979329537765915,
  "wm2max": 0.4713853048791163
}