{
  "bids_meta": {
    "AcquisitionMatrixPE": 256,
    "AcquisitionNumber": 1,
    "AcquisitionTime": "14:24:19.000000",
    "BodyPartExamined": "BRAIN",
    "CoilString": "32Ch Head",
    "ConversionSoftware": "dcm2niix",
    "ConversionSoftwareVersion": "v1.0.20211006",
    "Dcm2bidsVersion": "2.1.6",
    "DeviceSerialNumber": "000301496MR3T6MR",
    "EchoTime": 0.067032,
    "EchoTrainLength": 140,
    "FlipAngle": 90,
    "ImageOrientationPatientDICOM": [
      0,
      1,
      0,
      0,
      0,
      -1
    ],
    "ImageType": [
      "ORIGINAL",
      "PRIMARY",
      "OTHER"
    ],
    "ImagingFrequency": 127.697,
    "InPlanePhaseEncodingDirectionDICOM": "ROW",
    "InstitutionName": "NIH FMRIF",
    "MRAcquisitionType": "3D",
    "MagneticFieldStrength": 3,
    "Manufacturer": "GE",
    "ManufacturersModelName": "DISCOVERY MR750",
    "Modality": "MR",
    "ParallelReductionFactorInPlane": 2,
    "ParallelReductionOutOfPlane": 1.5,
    "PatientPosition": "HFS",
    "PercentPhaseFOV": 100,
    "PercentSampling": 100,
    "PhaseEncodingAxis": "i",
    "PixelBandwidth": 244.141,
    "ProcedureStepDescription": "MRI Brain",
    "ProtocolName": "FMRIF - Clinical 32Ch Br",
    "ReconMatrixPE": 256,
    "RepetitionTime": 3.202,
    "SAR": 0.4219,
    "ScanOptions": "SAT_GEMS\\EDR_GEMS\\PROMO_GEMS\\ACC_GEMS\\FS\\FR_GEMS",
    "ScanningSequence": "RM",
    "SequenceVariant": "NONE",
    "SeriesDescription": "Sag_CUBE_T2",
    "SeriesNumber": 4,
    "SliceThickness": 1,
    "SoftwareVersions": "27\\LX\\MR Software release:DV26.0_R01_1725.a",
    "SpacingBetweenSlices": 1,
    "StationName": "fmrif3tb",
    "acq_id": "CUBE",
    "dataset": "ds004215",
    "modality": "T2w",
    "session_id": "01",
    "subject_id": "ON63335"
  },
  "cjv": 0.26519926889383005,
  "cnr": 0.8057772235594689,
  "efc": 0.38530749780980755,
  "fber": 2388.074047703809,
  "fwhm_avg": 2.3754127333404553,
  "fwhm_x": 2.0074182000213665,
  "fwhm_y": 2.60613,
  "fwhm_z": 2.51269,
  "icvs_csf": 0.20368430540755797,
  "icvs_gm": 0.6753870529740217,
  "icvs_wm": 0.12092864161842033,
  "inu_med": 0.8838713765144348,
  "inu_range": 0.38081851601600636,
  "provenance": {
    "md5sum": "0548d21bf6a24ad6aeda0fce5cd1de0f",
    "settings": {
      "testing": false
    },
    "software": "mriqc",
    "version": "22.0.6",
    "warnings": {
      "large_rot_frame": true,
      "small_air_mask": false
    },
    "webapi_port": null,
    "webapi_url": "https://mriqc.nimh.nih.gov/api/v1"
  },
  "qi_1": 0.0006528135716555881,
  "qi_2": 0.002099044714585556,
  "rpve_csf": 31.378731770409235,
  "rpve_gm": 13.524187128025428,
  "rpve_wm": 70.66005006112114,
  "size_x": 204,
  "size_y": 256,
  "size_z": 256,
  "snr_csf": 5.286677859006985,
  "snr_gm": 9.351058155738741,
  "snr_total": 4.930514440160377,
  "snr_wm": 0.15380730573540555,
  "snrd_csf": 118.05099504649496,
  "snrd_gm": 44.91671575684971,
  "snrd_total": 56.71096904764187,
  "snrd_wm": 7.165196339580932,
  "spacing_x": 0.9998016357421875,
  "spacing_y": 1.0,
  "spacing_z": 1.0,
  "summary_bg_k": 116.54095915234635,
  "summary_bg_mad": 91.58718352876338,
  "summary_bg_mean": 100.91406142103953,
  "summary_bg_median": 61.7746165394783,
  "summary_bg_n": 3946893.0,
  "summary_bg_p05": 0.0,
  "summary_bg_p95": 291.65106838941574,
  "summary_bg_stdv": 189.48225159207257,
  "summary_csf_k": 2.7824401727831027,
  "summary_csf_mad": 2067.9275893115637,
  "summary_csf_mean": 15883.005745286062,
  "summary_csf_median": 16503.36960223317,
  "summary_csf_n": 16450.0,
  "summary_csf_p05": 9803.612925234438,
  "summary_csf_p95": 20038.955541756746,
  "summary_csf_stdv": 3121.5951515405804,
  "summary_gm_k": -0.057388702064596675,
  "summary_gm_mad": 678.8553057919855,
  "summary_gm_mean": 6305.081750562396,
  "summary_gm_median": 6279.296173334122,
  "summary_gm_n": 324186.0,
  "summary_gm_p05": 5246.724098086357,
  "summary_gm_p95": 7445.900446891785,
  "summary_gm_stdv": 671.5054471948639,
  "summary_wm_k": 3.2729305223493244,
  "summary_wm_mad": 720.7633806793893,
  "summary_wm_mean": 3482.74466546073,
  "summary_wm_median": 1001.6847669780254,
  "summary_wm_n": 21720.0,
  "summary_wm_p05": 276.67540377378464,
  "summary_wm_p95": 21146.01282888651,
  "summary_wm_stdv": 6512.445575206723,
  "tpm_overlap_csf": 0.15318399072949593,
  "tpm_overlap_gm": 0.4232014213567938,
  "tpm_overlap_wm": 0.016848284941242755,
  "wm2max": 0.04816555051487002
}