{
  "bids_meta": {
    "AcquisitionMatrixPE": 256,
    "AcquisitionNumber": 1,
    "AcquisitionTime": "14:18:23.000000",
    "BodyPartExamined": "BRAIN",
    "CoilString": "32Ch Head",
    "ConversionSoftware": "dcm2niix",
    "ConversionSoftwareVersion": "v1.0.20211006",
    "Dcm2bidsVersion": "2.1.6",
    "DeviceSerialNumber": "000301496MR3T6MR",
    "EchoTime": 0.003036,
    "FlipAngle": 11,
    "ImageOrientationPatientDICOM": [
      0,
      1,
      0,
      0,
      0,
      -1
    ],
    "ImageType": [
      "ORIGINAL",
      "PRIMARY",
      "OTHER"
    ],
    "ImagingFrequency": 127.697,
    "InPlanePhaseEncodingDirectionDICOM": "ROW",
    "InstitutionName": "NIH FMRIF",
    "InversionTime": 0.4,
    "MRAcquisitionType": "3D",
    "MagneticFieldStrength": 3,
    "Manufacturer": "GE",
    "ManufacturersModelName": "DISCOVERY MR750",
    "Modality": "MR",
    "ParallelReductionFactorInPlane": 1.72974,
    "PatientPosition": "HFS",
    "PercentPhaseFOV": 100,
    "PercentSampling": 100,
    "PixelBandwidth": 244.141,
    "ProcedureStepDescription": "MRI Brain",
    "ProtocolName": "FMRIF - Clinical 32Ch Br",
    "ReconMatrixPE": 256,
    "RepetitionTime": 0.007348,
    "SAR": 0.206121,
    "ScanOptions": "FAST_GEMS\\EDR_GEMS\\FILTERED_GEMS\\ACC_GEMS\\IR_GEMS",
    "ScanningSequence": "GR",
    "SequenceVariant": "SS\\SP\\SK",
    "SeriesDescription": "Accelerated Sagittal IR-FSPGR",
    "SeriesNumber": 3,
    "SliceThickness": 1.2,
    "SoftwareVersions": "27\\LX\\MR Software release:DV26.0_R01_1725.a",
    "SpacingBetweenSlices": 1.2,
    "SpoilingState": true,
    "StationName": "fmrif3tb",
    "acq_id": "FSPGR",
    "dataset": "ds004215",
    "modality": "T1w",
    "rec_id": "SCIC",
    "session_id": "01",
    "subject_id": "ON63335"
  },
  "cjv": 0.34969759929664296,
  "cnr": 3.7894813104452973,
  "efc": 0.5225013560654062,
  "fber": 5204.820864197531,
  "fwhm_avg": 3.459226469557457,
  "fwhm_x": 3.1518996823620666,
  "fwhm_y": 3.8073954066255133,
  "fwhm_z": 3.418384319684791,
  "icvs_csf": 0.24781882946706968,
  "icvs_gm": 0.40653100719465557,
  "icvs_wm": 0.34565016333827475,
  "inu_med": 0.4667314738035202,
  "inu_range": 0.0507334589958191,
  "provenance": {
    "md5sum": "002e87d06d6ddd6042c3cd8f3c48eaaa",
    "settings": {
      "testing": false
    },
    "software": "mriqc",
    "version": "22.0.6",
    "warnings": {
      "large_rot_frame": true,
      "small_air_mask": false
    },
    "webapi_port": null,
    "webapi_url": "https://mriqc.nimh.nih.gov/api/v1"
  },
  "qi_1": 0.0,
  "qi_2": 0.003365151184142374,
  "rpve_csf": 37.990915383541335,
  "rpve_gm": 22.559165534550647,
  "rpve_wm": 31.65901784587362,
  "size_x": 196,
  "size_y": 256,
  "size_z": 256,
  "snr_csf": 1.8198935560753542,
  "snr_gm": 9.273723015964777,
  "snr_total": 11.074270175295242,
  "snr_wm": 22.129193953845597,
  "snrd_csf": 8.602697253503969,
  "snrd_gm": 29.095658407779478,
  "snrd_total": 27.00875487266448,
  "snrd_wm": 43.32790895670999,
  "spacing_x": 1.1999969482421875,
  "spacing_y": 1.0547000169754028,
  "spacing_z": 1.0547000169754028,
  "summary_bg_k": 8.660287260262223,
  "summary_bg_mad": 0.0,
  "summary_bg_mean": 10.118628570199535,
  "summary_bg_median": 0.0,
  "summary_bg_n": 1238906.0,
  "summary_bg_p05": 0.0,
  "summary_bg_p95": 38.25836427882314,
  "summary_bg_stdv": 15.120425155456859,
  "summary_csf_k": 1.3328029129609575,
  "summary_csf_mad": 98.72939445426913,
  "summary_csf_mean": 209.04406590737366,
  "summary_csf_median": 198.5486380495131,
  "summary_csf_n": 18736.0,
  "summary_csf_p05": 54.74627859145403,
  "summary_csf_p95": 414.2788567095995,
  "summary_csf_stdv": 109.09612747920723,
  "summary_gm_k": -0.02805098650433857,
  "summary_gm_mad": 72.22751373136836,
  "summary_gm_mean": 666.6709022679846,
  "summary_gm_median": 671.5223353542387,
  "summary_gm_n": 13242.0,
  "summary_gm_p05": 540.7422266663983,
  "summary_gm_p95": 778.0267915613949,
  "summary_gm_stdv": 72.40856535664287,
  "summary_wm_k": 0.8319837425025658,
  "summary_wm_mad": 42.64033943177168,
  "summary_wm_mean": 1001.7721411541809,
  "summary_wm_median": 1000.0000069029629,
  "summary_wm_n": 112191.0,
  "summary_wm_p05": 931.4337612986565,
  "summary_wm_p95": 1078.1708627864718,
  "summary_wm_stdv": 45.18897309559477,
  "tpm_overlap_csf": 0.1594243609573982,
  "tpm_overlap_gm": 0.47483511916212917,
  "tpm_overlap_wm": 0.5041141631791228,
  "wm2max": 0.31266787901032717
}