{
  "bids_meta": {
    "AcquisitionMatrixPE": 256,
    "AcquisitionNumber": 1,
    "AcquisitionTime": "15:53:35.000000",
    "BodyPartExamined": "BRAIN",
    "CoilString": "32Ch Head",
    "ConversionSoftware": "dcm2niix",
    "ConversionSoftwareVersion": "v1.0.20211006",
    "Dcm2bidsVersion": "2.1.6",
    "DeviceSerialNumber": "000301496MR3T6MR",
    "EchoTime": 0.058683,
    "EchoTrainLength": 140,
    "FlipAngle": 90,
    "ImageOrientationPatientDICOM": [
      0,
      1,
      0,
      0,
      0,
      -1
    ],
    "ImageType": [
      "ORIGINAL",
      "PRIMARY",
      "OTHER"
    ],
    "ImagingFrequency": 127.697,
    "InPlanePhaseEncodingDirectionDICOM": "ROW",
    "InstitutionName": "NIH FMRIF",
    "MRAcquisitionType": "3D",
    "MagneticFieldStrength": 3,
    "Manufacturer": "GE",
    "ManufacturersModelName": "DISCOVERY MR750",
    "Modality": "MR",
    "ParallelReductionFactorInPlane": 2,
    "ParallelReductionOutOfPlane": 1.5,
    "PatientPosition": "HFS",
    "PercentPhaseFOV": 100,
    "PercentSampling": 100,
    "PhaseEncodingAxis": "i",
    "PixelBandwidth": 244.141,
    "ProcedureStepDescription": "MRI Brain",
    "ProtocolName": "ADNI3 FMRIF Enhanced Pro",
    "ReconMatrixPE": 256,
    "RepetitionTime": 3.202,
    "SAR": 0.4081,
    "ScanOptions": "SAT_GEMS\\EDR_GEMS\\PROMO_GEMS\\ACC_GEMS\\FS\\FR_GEMS",
    "ScanningSequence": "RM",
    "SequenceVariant": "NONE",
    "SeriesDescription": "Sag_CUBE_T2",
    "SeriesNumber": 4,
    "SliceThickness": 1,
    "SoftwareVersions": "27\\LX\\MR Software release:DV26.0_R01_1725.a",
    "SpacingBetweenSlices": 1,
    "StationName": "fmrif3tb",
    "acq_id": "CUBE",
    "dataset": "ds004215",
    "modality": "T2w",
    "session_id": "01",
    "subject_id": "ON62592"
  },
  "cjv": 1.5122839446018101,
  "cnr": 0.5103889043279707,
  "efc": 0.395457895086325,
  "fber": 5536.633847597996,
  "fwhm_avg": 2.3906733333333334,
  "fwhm_x": 2.03372,
  "fwhm_y": 2.68266,
  "fwhm_z": 2.45564,
  "icvs_csf": 0.2327067914902793,
  "icvs_gm": 0.6007995728968982,
  "icvs_wm": 0.16649363561282246,
  "inu_med": 0.8253383934497833,
  "inu_range": 0.48012928664684296,
  "provenance": {
    "md5sum": "05c213b11f7dfd6f94e888d61fac43bd",
    "settings": {
      "testing": false
    },
    "software": "mriqc",
    "version": "22.0.6",
    "warnings": {
      "large_rot_frame": true,
      "small_air_mask": false
    },
    "webapi_port": null,
    "webapi_url": "https://mriqc.nimh.nih.gov/api/v1"
  },
  "qi_1": 0.0,
  "qi_2": 0.00505081146844251,
  "rpve_csf": 25.697351999565903,
  "rpve_gm": 13.21481730618567,
  "rpve_wm": 46.59159345800919,
  "size_x": 204,
  "size_y": 256,
  "size_z": 256,
  "snr_csf": 9.643154470393293,
  "snr_gm": 12.731815212120473,
  "snr_total": 7.640239417593814,
  "snr_wm": 0.5457485702676739,
  "snrd_csf": 82.59348293269655,
  "snrd_gm": 57.67368950833305,
  "snrd_total": 56.67279837683054,
  "snrd_wm": 29.75122268946203,
  "spacing_x": 1.0,
  "spacing_y": 1.0,
  "spacing_z": 1.0,
  "summary_bg_k": 71.76883912630824,
  "summary_bg_mad": 22.11447351725247,
  "summary_bg_mean": 24.103955781176023,
  "summary_bg_median": 14.915985718369484,
  "summary_bg_n": 4016943.0,
  "summary_bg_p05": 0.0,
  "summary_bg_p95": 66.2233823761344,
  "summary_bg_stdv": 28.69962129674978,
  "summary_csf_k": 0.7528468046563819,
  "summary_csf_mad": 311.33448560131944,
  "summary_csf_mean": 2792.741151039789,
  "summary_csf_median": 2787.9864269681275,
  "summary_csf_n": 8928.0,
  "summary_csf_p05": 2348.6702126611026,
  "summary_csf_p95": 3235.7490428265182,
  "summary_csf_stdv": 289.0994118078632,
  "summary_gm_k": -0.15795210189834208,
  "summary_gm_mad": 157.73214846040318,
  "summary_gm_mean": 1950.0629245231978,
  "summary_gm_median": 1946.8057022541761,
  "summary_gm_n": 216304.0,
  "summary_gm_p05": 1705.3644153550267,
  "summary_gm_p95": 2205.1397922560573,
  "summary_gm_stdv": 152.90837713655569,
  "summary_wm_k": -1.4063398795830728,
  "summary_wm_mad": 1267.6522455025054,
  "summary_wm_mean": 1990.8850137835038,
  "summary_wm_median": 1004.2681589238346,
  "summary_wm_n": 34224.0,
  "summary_wm_p05": 109.80322016775608,
  "summary_wm_p95": 4974.917035454139,
  "summary_wm_stdv": 1840.1394736356442,
  "tpm_overlap_csf": 0.10470788467605256,
  "tpm_overlap_gm": 0.3772033642720266,
  "tpm_overlap_wm": 0.029436068568177022,
  "wm2max": 0.20944287240222625
}