{
  "bids_meta": {
    "AcquisitionMatrixPE": 256,
    "AcquisitionNumber": 1,
    "AcquisitionTime": "14:03:9.000000",
    "BodyPartExamined": "BRAIN",
    "CoilString": "32Ch Head",
    "ConversionSoftware": "dcm2niix",
    "ConversionSoftwareVersion": "v1.0.20211006",
    "Dcm2bidsVersion": "2.1.6",
    "DeviceSerialNumber": "000301496MR3T6MR",
    "EchoTime": 0.003036,
    "FlipAngle": 11,
    "ImageOrientationPatientDICOM": [
      0,
      1,
      0,
      0,
      0,
      -1
    ],
    "ImageType": [
      "ORIGINAL",
      "PRIMARY",
      "OTHER"
    ],
    "ImagingFrequency": 127.697,
    "InPlanePhaseEncodingDirectionDICOM": "ROW",
    "InstitutionName": "NIH FMRIF",
    "InversionTime": 0.4,
    "MRAcquisitionType": "3D",
    "MagneticFieldStrength": 3,
    "Manufacturer": "GE",
    "ManufacturersModelName": "DISCOVERY MR750",
    "Modality": "MR",
    "ParallelReductionFactorInPlane": 1.72974,
    "PatientPosition": "HFS",
    "PercentPhaseFOV": 100,
    "PercentSampling": 100,
    "PixelBandwidth": 244.141,
    "ProcedureStepDescription": "MRI Brain",
    "ProtocolName": "ADNI3 FMRIF Enhanced Pro",
    "ReconMatrixPE": 256,
    "RepetitionTime": 0.007348,
    "SAR": 0.16744,
    "ScanOptions": "FAST_GEMS\\EDR_GEMS\\FILTERED_GEMS\\ACC_GEMS\\IR_GEMS",
    "ScanningSequence": "GR",
    "SequenceVariant": "SS\\SP\\SK",
    "SeriesDescription": "Accelerated Sagittal IR-FSPGR",
    "SeriesNumber": 3,
    "SliceThickness": 1.2,
    "SoftwareVersions": "27\\LX\\MR Software release:DV26.0_R01_1725.a",
    "SpacingBetweenSlices": 1.2,
    "SpoilingState": true,
    "StationName": "fmrif3tb",
    "acq_id": "FSPGR",
    "dataset": "ds004215",
    "modality": "T1w",
    "rec_id": "SCIC",
    "session_id": "01",
    "subject_id": "ON84651"
  },
  "cjv": 0.29108682300502653,
  "cnr": 4.650690746492374,
  "efc": 0.5459252297986347,
  "fber": 22174.139277076058,
  "fwhm_avg": 3.8172405375365965,
  "fwhm_x": 3.5553531040709023,
  "fwhm_y": 4.134644856179708,
  "fwhm_z": 3.7617236523591786,
  "icvs_csf": 0.2216001819582034,
  "icvs_gm": 0.43740770723480793,
  "icvs_wm": 0.3409921108069886,
  "inu_med": 0.44703908264636993,
  "inu_range": 0.10003976076841353,
  "provenance": {
    "md5sum": "2ce4946d618e42921ae44bbcd2c269f8",
    "settings": {
      "testing": false
    },
    "software": "mriqc",
    "version": "22.0.6",
    "warnings": {
      "large_rot_frame": true,
      "small_air_mask": false
    },
    "webapi_port": null,
    "webapi_url": "https://mriqc.nimh.nih.gov/api/v1"
  },
  "qi_1": 0.0,
  "qi_2": 0.006505968793241199,
  "rpve_csf": 34.79368515644147,
  "rpve_gm": 18.673482566911474,
  "rpve_wm": 28.316797754425735,
  "size_x": 196,
  "size_y": 256,
  "size_z": 256,
  "snr_csf": 2.153093273224213,
  "snr_gm": 10.17176424850318,
  "snr_total": 11.980049214389147,
  "snr_wm": 23.61529012144005,
  "snrd_csf": 21.185443542353966,
  "snrd_gm": 53.36419800984623,
  "snrd_total": 52.47527160153208,
  "snrd_wm": 82.87617325239604,
  "spacing_x": 1.2000045776367188,
  "spacing_y": 1.0547000169754028,
  "spacing_z": 1.0547000169754028,
  "summary_bg_k": 16.38647343136477,
  "summary_bg_mad": 0.0,
  "summary_bg_mean": 4.678227434365585,
  "summary_bg_median": 0.0,
  "summary_bg_n": 814072.0,
  "summary_bg_p05": 0.0,
  "summary_bg_p95": 19.989642575383186,
  "summary_bg_stdv": 7.904730067881626,
  "summary_csf_k": -0.11683324267158746,
  "summary_csf_mad": 124.6890725630595,
  "summary_csf_mean": 261.4370847943139,
  "summary_csf_median": 255.6188490986824,
  "summary_csf_n": 13275.0,
  "summary_csf_p05": 75.41515585780144,
  "summary_csf_p95": 461.8746740967034,
  "summary_csf_stdv": 118.7172075950057,
  "summary_gm_k": 0.11499716263698057,
  "summary_gm_mad": 62.651652223803296,
  "summary_gm_mean": 643.0800958636968,
  "summary_gm_median": 643.8805423676968,
  "summary_gm_n": 34380.0,
  "summary_gm_p05": 537.5090600587428,
  "summary_gm_p95": 745.2114585004747,
  "summary_gm_stdv": 63.299852650561675,
  "summary_wm_k": 0.260995161396544,
  "summary_wm_mad": 40.99997829351833,
  "summary_wm_mean": 998.0285818190532,
  "summary_wm_median": 999.9654707312584,
  "summary_wm_n": 148067.0,
  "summary_wm_p05": 924.3569780886173,
  "summary_wm_p95": 1064.180902838707,
  "summary_wm_stdv": 42.343841166051725,
  "tpm_overlap_csf": 0.1417537208671953,
  "tpm_overlap_gm": 0.46992164292645966,
  "tpm_overlap_wm": 0.514717299578958,
  "wm2max": 0.5085643999037956
}