{
  "bids_meta": {
    "AcquisitionMatrixPE": 256,
    "AcquisitionNumber": 1,
    "AcquisitionTime": "14:25:44.000000",
    "BodyPartExamined": "BRAIN",
    "CoilString": "32Ch Head",
    "ConversionSoftware": "dcm2niix",
    "ConversionSoftwareVersion": "v1.0.20211006",
    "Dcm2bidsVersion": "2.1.6",
    "DeviceSerialNumber": "000301496MR3T6MR",
    "EchoTime": 0.066361,
    "EchoTrainLength": 140,
    "FlipAngle": 90,
    "ImageOrientationPatientDICOM": [
      0,
      1,
      0,
      0,
      0,
      -1
    ],
    "ImageType": [
      "ORIGINAL",
      "PRIMARY",
      "OTHER"
    ],
    "ImagingFrequency": 127.697,
    "InPlanePhaseEncodingDirectionDICOM": "ROW",
    "InstitutionName": "NIH FMRIF",
    "MRAcquisitionType": "3D",
    "MagneticFieldStrength": 3,
    "Manufacturer": "GE",
    "ManufacturersModelName": "DISCOVERY MR750",
    "Modality": "MR",
    "ParallelReductionFactorInPlane": 2,
    "ParallelReductionOutOfPlane": 1.5,
    "PatientPosition": "HFS",
    "PercentPhaseFOV": 100,
    "PercentSampling": 100,
    "PhaseEncodingAxis": "i",
    "PixelBandwidth": 244.141,
    "ProcedureStepDescription": "MRI Brain",
    "ProtocolName": "ADNI3 FMRIF Enhanced Pro",
    "ReconMatrixPE": 256,
    "RepetitionTime": 3.202,
    "SAR": 0.4435,
    "ScanOptions": "SAT_GEMS\\EDR_GEMS\\PROMO_GEMS\\ACC_GEMS\\FS\\FR_GEMS",
    "ScanningSequence": "RM",
    "SequenceVariant": "NONE",
    "SeriesDescription": "Sag_CUBE_T2",
    "SeriesNumber": 4,
    "SliceThickness": 1,
    "SoftwareVersions": "27\\LX\\MR Software release:DV26.0_R01_1725.a",
    "SpacingBetweenSlices": 1,
    "StationName": "fmrif3tb",
    "acq_id": "CUBE",
    "dataset": "ds004215",
    "modality": "T2w",
    "session_id": "01",
    "subject_id": "ON10965"
  },
  "cjv": 1.1351079561112187,
  "cnr": 1.0421257147176424,
  "efc": 0.4083066616141146,
  "fber": 7265.431406250001,
  "fwhm_avg": 2.41094,
  "fwhm_x": 2.06475,
  "fwhm_y": 2.66108,
  "fwhm_z": 2.50699,
  "icvs_csf": 0.3245234542279179,
  "icvs_gm": 0.20325903039741833,
  "icvs_wm": 0.4722175153746638,
  "inu_med": 0.9364331960678101,
  "inu_range": 0.5407027006149292,
  "provenance": {
    "md5sum": "93e64a7f733ba2b96dcea3e3abc7b86f",
    "settings": {
      "testing": false
    },
    "software": "mriqc",
    "version": "22.0.6",
    "warnings": {
      "large_rot_frame": true,
      "small_air_mask": false
    },
    "webapi_port": null,
    "webapi_url": "https://mriqc.nimh.nih.gov/api/v1"
  },
  "qi_1": 0.0,
  "qi_2": 0.019405247516902636,
  "rpve_csf": 17.174844187188405,
  "rpve_gm": 32.77259395658833,
  "rpve_wm": 13.951273184864482,
  "size_x": 204,
  "size_y": 256,
  "size_z": 256,
  "snr_csf": 11.328249244231129,
  "snr_gm": 1.7922055670491939,
  "snr_total": 8.410318376900081,
  "snr_wm": 12.110500319419922,
  "snrd_csf": 63.520650599676785,
  "snrd_gm": 104.20148465764369,
  "snrd_total": 70.4046116066949,
  "snrd_wm": 43.491699562764204,
  "spacing_x": 1.0,
  "spacing_y": 1.0,
  "spacing_z": 1.0,
  "summary_bg_k": 68.00003820175573,
  "summary_bg_mad": 15.06454389185327,
  "summary_bg_mean": 12.439505057526437,
  "summary_bg_median": 10.160880446434021,
  "summary_bg_n": 3849748.0,
  "summary_bg_p05": 0.0,
  "summary_bg_p95": 38.80891837179661,
  "summary_bg_stdv": 15.584736417786338,
  "summary_csf_k": 0.7571143513228606,
  "summary_csf_mad": 118.42405337206877,
  "summary_csf_mean": 1468.4448712025496,
  "summary_csf_median": 1460.6265641748905,
  "summary_csf_n": 28218.0,
  "summary_csf_p05": 1270.0289098840208,
  "summary_csf_p95": 1693.4200969863682,
  "summary_csf_stdv": 128.9343702933743,
  "summary_gm_k": -1.4541652900618927,
  "summary_gm_mad": 1502.6882532123636,
  "summary_gm_mean": 1886.0078925520168,
  "summary_gm_median": 2396.0626202747226,
  "summary_gm_n": 57325.0,
  "summary_gm_p05": 76.91222004592419,
  "summary_gm_p95": 3842.7179738357663,
  "summary_gm_stdv": 1336.9234898628297,
  "summary_wm_k": 0.10783813846781776,
  "summary_wm_mad": 81.91345741195217,
  "summary_wm_mean": 999.9056151607517,
  "summary_wm_median": 1000.0705456063151,
  "summary_wm_n": 208160.0,
  "summary_wm_p05": 863.0397829189897,
  "summary_wm_p95": 1133.5732248052955,
  "summary_wm_stdv": 82.57859849372589,
  "tpm_overlap_csf": 0.1041979789674026,
  "tpm_overlap_gm": 0.1195134759648671,
  "tpm_overlap_wm": 0.47700364362243286,
  "wm2max": 0.26573380906428273
}