{
  "bids_meta": {
    "AcquisitionMatrixPE": 256,
    "AcquisitionNumber": 1,
    "AcquisitionTime": "14:00:47.000000",
    "BodyPartExamined": "BRAIN",
    "CoilString": "32Ch Head",
    "ConversionSoftware": "dcm2niix",
    "ConversionSoftwareVersion": "v1.0.20211006",
    "Dcm2bidsVersion": "2.1.6",
    "DeviceSerialNumber": "000301496MR3T6MR",
    "EchoTime": 0.003036,
    "FlipAngle": 11,
    "ImageOrientationPatientDICOM": [
      0,
      1,
      0,
      0,
      0,
      -1
    ],
    "ImageType": [
      "ORIGINAL",
      "PRIMARY",
      "OTHER"
    ],
    "ImagingFrequency": 127.697,
    "InPlanePhaseEncodingDirectionDICOM": "ROW",
    "InstitutionName": "NIH FMRIF",
    "InversionTime": 0.4,
    "MRAcquisitionType": "3D",
    "MagneticFieldStrength": 3,
    "Manufacturer": "GE",
    "ManufacturersModelName": "DISCOVERY MR750",
    "Modality": "MR",
    "ParallelReductionFactorInPlane": 1.72974,
    "PatientPosition": "HFS",
    "PercentPhaseFOV": 100,
    "PercentSampling": 100,
    "PixelBandwidth": 244.141,
    "ProcedureStepDescription": "MRI Brain",
    "ProtocolName": "ADNI3 FMRIF Enhanced Pro",
    "ReconMatrixPE": 256,
    "RepetitionTime": 0.007348,
    "SAR": 0.155118,
    "ScanOptions": "FAST_GEMS\\EDR_GEMS\\FILTERED_GEMS\\ACC_GEMS\\IR_GEMS",
    "ScanningSequence": "GR",
    "SequenceVariant": "SS\\SP\\SK",
    "SeriesDescription": "Accelerated Sagittal IR-FSPGR",
    "SeriesNumber": 3,
    "SliceThickness": 1.2,
    "SoftwareVersions": "27\\LX\\MR Software release:DV26.0_R01_1725.a",
    "SpacingBetweenSlices": 1.2,
    "SpoilingState": true,
    "StationName": "fmrif3tb",
    "acq_id": "FSPGR",
    "dataset": "ds004215",
    "modality": "T1w",
    "rec_id": "SCIC",
    "session_id": "01",
    "subject_id": "ON56044"
  },
  "cjv": 0.28084653246092045,
  "cnr": 4.770079209370777,
  "efc": 0.5505781145931431,
  "fber": -1.0,
  "fwhm_avg": 3.4633998511137882,
  "fwhm_x": 3.1885878365026987,
  "fwhm_y": 3.80930116178589,
  "fwhm_z": 3.392310555052775,
  "icvs_csf": 0.1856259199111457,
  "icvs_gm": 0.48847547452693196,
  "icvs_wm": 0.32589860556192235,
  "inu_med": 0.5242105722427368,
  "inu_range": 0.12145503610372543,
  "provenance": {
    "md5sum": "09d7c791e34efef7ee4f535846e92f4c",
    "settings": {
      "testing": false
    },
    "software": "mriqc",
    "version": "22.0.6",
    "warnings": {
      "large_rot_frame": true,
      "small_air_mask": false
    },
    "webapi_port": null,
    "webapi_url": "https://mriqc.nimh.nih.gov/api/v1"
  },
  "qi_1": 0.0,
  "qi_2": 0.003123062179514899,
  "rpve_csf": 43.318545819162345,
  "rpve_gm": 18.9096148877981,
  "rpve_wm": 31.411548189073052,
  "size_x": 196,
  "size_y": 256,
  "size_z": 256,
  "snr_csf": 2.332094799645457,
  "snr_gm": 10.839787053612339,
  "snr_total": 12.190650029043168,
  "snr_wm": 23.400068233871707,
  "snrd_csf": 15.988828852920598,
  "snrd_gm": 44.77709651875958,
  "snrd_total": 43.32603793110595,
  "snrd_wm": 69.21218842163768,
  "spacing_x": 1.2000045776367188,
  "spacing_y": 1.0547000169754028,
  "spacing_z": 1.0547000169754028,
  "summary_bg_k": 16.183220520091872,
  "summary_bg_mad": 0.0,
  "summary_bg_mean": 5.608914084715486,
  "summary_bg_median": 0.0,
  "summary_bg_n": 1090058.0,
  "summary_bg_p05": 0.0,
  "summary_bg_p95": 23.852744594216347,
  "summary_bg_stdv": 9.465622223589257,
  "summary_csf_k": 1.2672488298357436,
  "summary_csf_mad": 76.3940796548508,
  "summary_csf_mean": 237.04729100779477,
  "summary_csf_median": 231.01176139712334,
  "summary_csf_n": 12698.0,
  "summary_csf_p05": 75.9529984742403,
  "summary_csf_p95": 420.88788835853336,
  "summary_csf_stdv": 99.05371980135916,
  "summary_gm_k": 0.03224335670992717,
  "summary_gm_mad": 59.349417877717826,
  "summary_gm_mean": 646.7362152957157,
  "summary_gm_median": 646.9539471715689,
  "summary_gm_n": 44975.0,
  "summary_gm_p05": 548.5494334250689,
  "summary_gm_p95": 744.7852307409048,
  "summary_gm_stdv": 59.68260737585627,
  "summary_wm_k": 0.734148891276825,
  "summary_wm_mad": 39.80235423302795,
  "summary_wm_mean": 998.7001232090689,
  "summary_wm_median": 1000.0000440627337,
  "summary_wm_n": 114517.0,
  "summary_wm_p05": 925.824059137702,
  "summary_wm_p95": 1065.9533605575562,
  "summary_wm_stdv": 42.734733415928055,
  "tpm_overlap_csf": 0.16215503160653472,
  "tpm_overlap_gm": 0.4976806891602066,
  "tpm_overlap_wm": 0.5147369025520744,
  "wm2max": 0.5562129129395094
}