{
  "bids_meta": {
    "AcquisitionMatrixPE": 256,
    "AcquisitionNumber": 1,
    "AcquisitionTime": "14:07:23.000000",
    "BodyPartExamined": "BRAIN",
    "CoilString": "32Ch Head",
    "ConversionSoftware": "dcm2niix",
    "ConversionSoftwareVersion": "v1.0.20211006",
    "Dcm2bidsVersion": "2.1.6",
    "DeviceSerialNumber": "000301496MR3T6MR",
    "EchoTime": 0.00294,
    "FlipAngle": 8,
    "ImageOrientationPatientDICOM": [
      0,
      1,
      0,
      0,
      0,
      -1
    ],
    "ImageType": [
      "ORIGINAL",
      "PRIMARY",
      "OTHER"
    ],
    "ImagingFrequency": 127.697,
    "InPlanePhaseEncodingDirectionDICOM": "ROW",
    "InstitutionName": "NIH FMRIF",
    "InversionTime": 1.06,
    "MRAcquisitionType": "3D",
    "MagneticFieldStrength": 3,
    "Manufacturer": "GE",
    "ManufacturersModelName": "DISCOVERY MR750",
    "Modality": "MR",
    "ParallelReductionFactorInPlane": 2,
    "ParallelReductionOutOfPlane": 2,
    "PatientPosition": "HFS",
    "PercentPhaseFOV": 100,
    "PercentSampling": 100,
    "PixelBandwidth": 244.141,
    "ProcedureStepDescription": "MRI Brain",
    "ProtocolName": "ADNI3 FMRIF Enhanced Pro",
    "ReconMatrixPE": 256,
    "RepetitionTime": 0.00668,
    "SAR": 0.0569699,
    "ScanOptions": "EDR_GEMS\\ACC_GEMS\\IR_GEMS",
    "ScanningSequence": "RM",
    "SequenceVariant": "NONE",
    "SeriesDescription": "ORIG Sag_MPRAGE_T1",
    "SeriesNumber": 40003,
    "SliceThickness": 1,
    "SoftwareVersions": "27\\LX\\MR Software release:DV26.0_R01_1725.a",
    "SpacingBetweenSlices": 1,
    "StationName": "fmrif3tb",
    "acq_id": "SagittalMPRAGE",
    "dataset": "ds004215",
    "modality": "T1w",
    "session_id": "01",
    "subject_id": "ON69092"
  },
  "cjv": 0.3564479392744903,
  "cnr": 3.7999059658250047,
  "efc": 0.4273095738582453,
  "fber": 5929.0,
  "fwhm_avg": 3.73336,
  "fwhm_x": 3.65627,
  "fwhm_y": 3.87033,
  "fwhm_z": 3.67348,
  "icvs_csf": 0.22216977866526016,
  "icvs_gm": 0.43528149250088716,
  "icvs_wm": 0.3425487288338527,
  "inu_med": 0.8684082627296448,
  "inu_range": 0.4874343514442443,
  "provenance": {
    "md5sum": "cd47750c95b76bf432f4c0e4535bd0ec",
    "settings": {
      "testing": false
    },
    "software": "mriqc",
    "version": "22.0.6",
    "warnings": {
      "large_rot_frame": true,
      "small_air_mask": false
    },
    "webapi_port": null,
    "webapi_url": "https://mriqc.nimh.nih.gov/api/v1"
  },
  "qi_1": 2.3321622605575144e-05,
  "qi_2": 0.0015167278006512387,
  "rpve_csf": 26.840537241988724,
  "rpve_gm": 13.986000105941775,
  "rpve_wm": 20.254176987367014,
  "size_x": 208,
  "size_y": 256,
  "size_z": 256,
  "snr_csf": 1.1525478434636545,
  "snr_gm": 8.285938678574167,
  "snr_total": 9.198377050098715,
  "snr_wm": 18.156644628258324,
  "snrd_csf": 7.43259065321804,
  "snrd_gm": 31.65876353029613,
  "snrd_total": 29.588498553829,
  "snrd_wm": 49.67414147797284,
  "spacing_x": 1.0,
  "spacing_y": 1.0,
  "spacing_z": 1.0,
  "summary_bg_k": 14.449771354872972,
  "summary_bg_mad": 13.189221346207702,
  "summary_bg_mean": 13.184457959653624,
  "summary_bg_median": 8.895994611084461,
  "summary_bg_n": 3825179.0,
  "summary_bg_p05": 0.0,
  "summary_bg_p95": 35.82995064556599,
  "summary_bg_stdv": 12.642376860578802,
  "summary_csf_k": -0.466497513650622,
  "summary_csf_mad": 129.2179012997123,
  "summary_csf_mean": 189.39186083641366,
  "summary_csf_median": 149.63308908045292,
  "summary_csf_n": 39211.0,
  "summary_csf_p05": 34.02615450322628,
  "summary_csf_p95": 428.31959307193756,
  "summary_csf_stdv": 129.8264378932122,
  "summary_gm_k": 0.02889334329634563,
  "summary_gm_mad": 77.55505270857617,
  "summary_gm_mean": 637.002746351515,
  "summary_gm_median": 637.3549687489867,
  "summary_gm_n": 28863.0,
  "summary_gm_p05": 511.1753290556371,
  "summary_gm_p95": 762.4277335368096,
  "summary_gm_stdv": 76.91873574483976,
  "summary_wm_k": 0.7198660990489865,
  "summary_wm_mad": 51.723628413008086,
  "summary_wm_mean": 999.3537123282622,
  "summary_wm_median": 1000.0409794598818,
  "summary_wm_n": 190868.0,
  "summary_wm_p05": 908.539320603013,
  "summary_wm_p95": 1087.8530552983284,
  "summary_wm_stdv": 55.07836828954721,
  "tpm_overlap_csf": 0.14515090324583202,
  "tpm_overlap_gm": 0.48307642616838936,
  "tpm_overlap_wm": 0.5140119894516954,
  "wm2max": 0.46719041187534555
}