{
  "bids_meta": {
    "AcquisitionMatrixPE": 256,
    "AcquisitionNumber": 1,
    "AcquisitionTime": "15:12:17.000000",
    "BodyPartExamined": "BRAIN",
    "CoilString": "32Ch Head",
    "ConversionSoftware": "dcm2niix",
    "ConversionSoftwareVersion": "v1.0.20211006",
    "Dcm2bidsVersion": "2.1.6",
    "DeviceSerialNumber": "000301496MR3T6MR",
    "EchoTime": 0.066833,
    "EchoTrainLength": 140,
    "FlipAngle": 90,
    "ImageOrientationPatientDICOM": [
      0,
      1,
      0,
      0,
      0,
      -1
    ],
    "ImageType": [
      "ORIGINAL",
      "PRIMARY",
      "OTHER"
    ],
    "ImagingFrequency": 127.696,
    "InPlanePhaseEncodingDirectionDICOM": "ROW",
    "InstitutionName": "NIH FMRIF",
    "MRAcquisitionType": "3D",
    "MagneticFieldStrength": 3,
    "Manufacturer": "GE",
    "ManufacturersModelName": "DISCOVERY MR750",
    "Modality": "MR",
    "ParallelReductionFactorInPlane": 2,
    "ParallelReductionOutOfPlane": 1.5,
    "PatientPosition": "HFS",
    "PercentPhaseFOV": 100,
    "PercentSampling": 100,
    "PhaseEncodingAxis": "i",
    "PixelBandwidth": 244.141,
    "ProcedureStepDescription": "MRI Brain",
    "ProtocolName": "ADNI3 FMRIF Enhanced Pro",
    "ReconMatrixPE": 256,
    "RepetitionTime": 3.202,
    "SAR": 0.495,
    "ScanOptions": "SAT_GEMS\\EDR_GEMS\\PROMO_GEMS\\FILTERED_GEMS\\ACC_GEMS\\FS\\FR_GEMS",
    "ScanningSequence": "RM",
    "SequenceVariant": "NONE",
    "SeriesDescription": "Anat T2w CUBE (ABCD)",
    "SeriesNumber": 4,
    "SliceThickness": 1,
    "SoftwareVersions": "27\\LX\\MR Software release:DV26.0_R03_1831.b",
    "SpacingBetweenSlices": 1,
    "StationName": "FMRI3tb",
    "acq_id": "CUBE",
    "dataset": "ds004215",
    "modality": "T2w",
    "rec_id": "SCIC",
    "session_id": "01",
    "subject_id": "ON07392"
  },
  "cjv": 2.3443669626905144,
  "cnr": 0.6620827168422844,
  "efc": 0.42510823944147835,
  "fber": 6879.9071120285225,
  "fwhm_avg": 2.280526666666667,
  "fwhm_x": 1.89404,
  "fwhm_y": 2.60209,
  "fwhm_z": 2.34545,
  "icvs_csf": 0.25699719971919877,
  "icvs_gm": 0.525419714971097,
  "icvs_wm": 0.21758308530970424,
  "inu_med": 0.806483268737793,
  "inu_range": 0.16877045035362237,
  "provenance": {
    "md5sum": "266477b91cf226ce41127ef0013e47cc",
    "settings": {
      "testing": false
    },
    "software": "mriqc",
    "version": "22.0.6",
    "warnings": {
      "large_rot_frame": true,
      "small_air_mask": false
    },
    "webapi_port": null,
    "webapi_url": "https://mriqc.nimh.nih.gov/api/v1"
  },
  "qi_1": 0.0,
  "qi_2": 0.021027368547566205,
  "rpve_csf": 23.578561018188807,
  "rpve_gm": 14.983488072583281,
  "rpve_wm": 37.2030433497482,
  "size_x": 204,
  "size_y": 256,
  "size_z": 256,
  "snr_csf": 10.557716020405636,
  "snr_gm": 10.814997082010494,
  "snr_total": 7.593414651815528,
  "snr_wm": 1.4075308530304522,
  "snrd_csf": 61.27798820366287,
  "snrd_gm": 40.421549680044215,
  "snrd_total": 59.39462370466697,
  "snrd_wm": 76.4843332302938,
  "spacing_x": 1.0,
  "spacing_y": 1.0,
  "spacing_z": 1.0,
  "summary_bg_k": 23.476401091879712,
  "summary_bg_mad": 8.58199571880308,
  "summary_bg_mean": 5.115842991016166,
  "summary_bg_median": 5.788468148559332,
  "summary_bg_n": 2825074.0,
  "summary_bg_p05": 0.0,
  "summary_bg_p95": 12.44801645539701,
  "summary_bg_stdv": 5.215515599145321,
  "summary_csf_k": 0.43695206370373985,
  "summary_csf_mad": 73.19692465017967,
  "summary_csf_mean": 805.6690155029346,
  "summary_csf_median": 802.7144155334681,
  "summary_csf_n": 11598.0,
  "summary_csf_p05": 686.4462889232673,
  "summary_csf_p95": 934.7504979765042,
  "summary_csf_stdv": 76.02778929744883,
  "summary_gm_k": 0.1019213927746705,
  "summary_gm_mad": 48.95070373589135,
  "summary_gm_mean": 529.7414771440831,
  "summary_gm_median": 529.5043387934566,
  "summary_gm_n": 198623.0,
  "summary_gm_p05": 449.926951430738,
  "summary_gm_p95": 609.6156139951199,
  "summary_gm_stdv": 48.96006922964596,
  "summary_wm_k": -1.8034700037357168,
  "summary_wm_mad": 1058.5433457236284,
  "summary_wm_mean": 893.9556335925738,
  "summary_wm_median": 1001.9107781797647,
  "summary_wm_n": 53432.0,
  "summary_wm_p05": 32.133023064490416,
  "summary_wm_p95": 1741.4016338381916,
  "summary_wm_stdv": 711.8148780966565,
  "tpm_overlap_csf": 0.1000852065230303,
  "tpm_overlap_gm": 0.32595760203599555,
  "tpm_overlap_wm": 0.04606829594510685,
  "wm2max": 0.5757902438902616
}