{
  "bids_meta": {
    "AcquisitionMatrixPE": 256,
    "AcquisitionNumber": 1,
    "AcquisitionTime": "15:05:27.000000",
    "BodyPartExamined": "BRAIN",
    "CoilString": "32Ch Head",
    "ConversionSoftware": "dcm2niix",
    "ConversionSoftwareVersion": "v1.0.20211006",
    "Dcm2bidsVersion": "2.1.6",
    "DeviceSerialNumber": "000301496MR3T6MR",
    "EchoTime": 0.00292,
    "FlipAngle": 8,
    "ImageOrientationPatientDICOM": [
      0,
      1,
      0,
      0,
      0,
      -1
    ],
    "ImageType": [
      "ORIGINAL",
      "PRIMARY",
      "OTHER"
    ],
    "ImagingFrequency": 127.696,
    "InPlanePhaseEncodingDirectionDICOM": "ROW",
    "InstitutionName": "NIH FMRIF",
    "InversionTime": 1.06,
    "MRAcquisitionType": "3D",
    "MagneticFieldStrength": 3,
    "Manufacturer": "GE",
    "ManufacturersModelName": "DISCOVERY MR750",
    "Modality": "MR",
    "ParallelReductionFactorInPlane": 2,
    "ParallelReductionOutOfPlane": 2,
    "PatientPosition": "HFS",
    "PercentPhaseFOV": 100,
    "PercentSampling": 100,
    "PixelBandwidth": 244.141,
    "ProcedureStepDescription": "MRI Brain",
    "ProtocolName": "ADNI3 FMRIF Enhanced Pro",
    "ReconMatrixPE": 256,
    "RepetitionTime": 0.006952,
    "SAR": 0.101127,
    "ScanOptions": "EDR_GEMS\\PROMO_GEMS\\ACC_GEMS\\IR_GEMS",
    "ScanningSequence": "RM",
    "SequenceVariant": "NONE",
    "SeriesDescription": "ORIG Anat T1w MP-RAGE 1mm (ABCD)",
    "SeriesNumber": 40003,
    "SliceThickness": 1,
    "SoftwareVersions": "27\\LX\\MR Software release:DV26.0_R03_1831.b",
    "SpacingBetweenSlices": 1,
    "StationName": "FMRI3tb",
    "acq_id": "MPRAGE",
    "dataset": "ds004215",
    "modality": "T1w",
    "session_id": "01",
    "subject_id": "ON07392"
  },
  "cjv": 0.3618660962914225,
  "cnr": 3.631780288915125,
  "efc": 0.39110059048777535,
  "fber": 6595.816799524093,
  "fwhm_avg": 3.732336666666667,
  "fwhm_x": 3.69837,
  "fwhm_y": 3.83238,
  "fwhm_z": 3.66626,
  "icvs_csf": 0.24539877842488503,
  "icvs_gm": 0.3998251514965668,
  "icvs_wm": 0.3547760700785482,
  "inu_med": 0.7831031680107117,
  "inu_range": 0.36687722206115714,
  "provenance": {
    "md5sum": "2f504f66409a7a1dc7b37db7d85f8d41",
    "settings": {
      "testing": false
    },
    "software": "mriqc",
    "version": "22.0.6",
    "warnings": {
      "large_rot_frame": true,
      "small_air_mask": false
    },
    "webapi_port": null,
    "webapi_url": "https://mriqc.nimh.nih.gov/api/v1"
  },
  "qi_1": 0.0,
  "qi_2": 0.0015426487851742802,
  "rpve_csf": 28.652902609250884,
  "rpve_gm": 17.112360833716117,
  "rpve_wm": 23.342925089998005,
  "size_x": 208,
  "size_y": 256,
  "size_z": 256,
  "snr_csf": 1.1958333806665788,
  "snr_gm": 7.2616999064338446,
  "snr_total": 9.228068771151857,
  "snr_wm": 19.22667302635515,
  "snrd_csf": 7.769064188729699,
  "snrd_gm": 35.10737496605213,
  "snrd_total": 32.85193157519404,
  "snrd_wm": 55.67935557080029,
  "spacing_x": 1.0,
  "spacing_y": 1.0,
  "spacing_z": 1.0,
  "summary_bg_k": 1.929041341042793,
  "summary_bg_mad": 11.76623553671356,
  "summary_bg_mean": 10.58398671290487,
  "summary_bg_median": 7.936205267906189,
  "summary_bg_n": 3682647.0,
  "summary_bg_p05": 0.0,
  "summary_bg_p95": 30.142318084836006,
  "summary_bg_stdv": 10.273470296933755,
  "summary_csf_k": 0.30654946508093817,
  "summary_csf_mad": 101.71005526447587,
  "summary_csf_mean": 173.54651457133394,
  "summary_csf_median": 139.53222434967756,
  "summary_csf_n": 35747.0,
  "summary_csf_p05": 34.33934971690178,
  "summary_csf_p95": 405.76520270481694,
  "summary_csf_stdv": 116.68036277331073,
  "summary_gm_k": 0.030552033080874175,
  "summary_gm_mad": 85.89917626201702,
  "summary_gm_mean": 630.4669000564477,
  "summary_gm_median": 630.5276930518448,
  "summary_gm_n": 20520.0,
  "summary_gm_p05": 488.22924330830574,
  "summary_gm_p95": 775.575198514387,
  "summary_gm_stdv": 86.82709795964128,
  "summary_wm_k": 1.0880637421797434,
  "summary_wm_mad": 47.80033186789884,
  "summary_wm_mean": 998.4776012595433,
  "summary_wm_median": 1000.0000185891986,
  "summary_wm_n": 185015.0,
  "summary_wm_p05": 911.9386639818549,
  "summary_wm_p95": 1079.7436195984483,
  "summary_wm_stdv": 52.01093890405053,
  "tpm_overlap_csf": 0.1583564591021493,
  "tpm_overlap_gm": 0.45616139081747237,
  "tpm_overlap_wm": 0.5134839911385912,
  "wm2max": 0.4939385481759169
}