{
  "bids_meta": {
    "AcquisitionMatrixPE": 256,
    "AcquisitionNumber": 1,
    "AcquisitionTime": "15:12:17.000000",
    "BodyPartExamined": "BRAIN",
    "CoilString": "32Ch Head",
    "ConversionSoftware": "dcm2niix",
    "ConversionSoftwareVersion": "v1.0.20211006",
    "Dcm2bidsVersion": "2.1.6",
    "DeviceSerialNumber": "000301496MR3T6MR",
    "EchoTime": 0.066833,
    "EchoTrainLength": 140,
    "FlipAngle": 90,
    "ImageOrientationPatientDICOM": [
      0,
      1,
      0,
      0,
      0,
      -1
    ],
    "ImageType": [
      "ORIGINAL",
      "PRIMARY",
      "OTHER"
    ],
    "ImagingFrequency": 127.696,
    "InPlanePhaseEncodingDirectionDICOM": "ROW",
    "InstitutionName": "NIH FMRIF",
    "MRAcquisitionType": "3D",
    "MagneticFieldStrength": 3,
    "Manufacturer": "GE",
    "ManufacturersModelName": "DISCOVERY MR750",
    "Modality": "MR",
    "ParallelReductionFactorInPlane": 2,
    "ParallelReductionOutOfPlane": 1.5,
    "PatientPosition": "HFS",
    "PercentPhaseFOV": 100,
    "PercentSampling": 100,
    "PhaseEncodingAxis": "i",
    "PixelBandwidth": 244.141,
    "ProcedureStepDescription": "MRI Brain",
    "ProtocolName": "ADNI3 FMRIF Enhanced Pro",
    "ReconMatrixPE": 256,
    "RepetitionTime": 3.202,
    "SAR": 0.495,
    "ScanOptions": "SAT_GEMS\\EDR_GEMS\\PROMO_GEMS\\ACC_GEMS\\FS\\FR_GEMS",
    "ScanningSequence": "RM",
    "SequenceVariant": "NONE",
    "SeriesDescription": "ORIG Anat T2w CUBE (ABCD)",
    "SeriesNumber": 40004,
    "SliceThickness": 1,
    "SoftwareVersions": "27\\LX\\MR Software release:DV26.0_R03_1831.b",
    "SpacingBetweenSlices": 1,
    "StationName": "FMRI3tb",
    "acq_id": "CUBE",
    "dataset": "ds004215",
    "modality": "T2w",
    "session_id": "01",
    "subject_id": "ON07392"
  },
  "cjv": 3.6389313552545515,
  "cnr": 0.4285956909434119,
  "efc": 0.36150754176398825,
  "fber": 8349.02018991965,
  "fwhm_avg": 2.3574033333333335,
  "fwhm_x": 1.97893,
  "fwhm_y": 2.62361,
  "fwhm_z": 2.46967,
  "icvs_csf": 0.22618116657057682,
  "icvs_gm": 0.5734017148316563,
  "icvs_wm": 0.20041711859776692,
  "inu_med": 0.8356013298034668,
  "inu_range": 0.4439366370439527,
  "provenance": {
    "md5sum": "e4239ac094ad5de4444a15adcc4b9d2a",
    "settings": {
      "testing": false
    },
    "software": "mriqc",
    "version": "22.0.6",
    "warnings": {
      "large_rot_frame": true,
      "small_air_mask": false
    },
    "webapi_port": null,
    "webapi_url": "https://mriqc.nimh.nih.gov/api/v1"
  },
  "qi_1": 0.0,
  "qi_2": 0.012437193145456871,
  "rpve_csf": 25.507220105453566,
  "rpve_gm": 13.966109449086167,
  "rpve_wm": 40.71586863340299,
  "size_x": 204,
  "size_y": 256,
  "size_z": 256,
  "snr_csf": 8.464889428362538,
  "snr_gm": 10.121450755277689,
  "snr_total": 6.579736194683942,
  "snr_wm": 1.1528684004116008,
  "snrd_csf": 65.24255254598938,
  "snrd_gm": 41.63304343274089,
  "snrd_total": 57.74895695350577,
  "snrd_wm": 66.37127488178703,
  "spacing_x": 1.0,
  "spacing_y": 1.0,
  "spacing_z": 1.0,
  "summary_bg_k": 10.005380379062347,
  "summary_bg_mad": 9.893693276287742,
  "summary_bg_mean": 8.04330290091927,
  "summary_bg_median": 6.673194706439972,
  "summary_bg_n": 3496131.0,
  "summary_bg_p05": 0.0,
  "summary_bg_p95": 24.0452613607049,
  "summary_bg_stdv": 8.240246121178007,
  "summary_csf_k": 0.7958631776437981,
  "summary_csf_mad": 102.37821738071663,
  "summary_csf_mean": 998.0951381936414,
  "summary_csf_median": 985.2754379883409,
  "summary_csf_n": 9843.0,
  "summary_csf_p05": 828.691100243479,
  "summary_csf_p95": 1221.0386816196144,
  "summary_csf_stdv": 116.38963456110159,
  "summary_gm_k": 0.1381143032529657,
  "summary_gm_mad": 61.835582976798385,
  "summary_gm_mean": 631.3863379062869,
  "summary_gm_median": 628.7309969067574,
  "summary_gm_n": 244759.0,
  "summary_gm_p05": 533.9281112402678,
  "summary_gm_p95": 735.7559837475419,
  "summary_gm_stdv": 62.118536929076235,
  "summary_wm_k": -1.728808256223635,
  "summary_wm_mad": 1297.6331512861525,
  "summary_wm_mean": 1026.8446462405134,
  "summary_wm_median": 1002.3210983797908,
  "summary_wm_n": 46157.0,
  "summary_wm_p05": 34.780400671064854,
  "summary_wm_p95": 2259.6090088531373,
  "summary_wm_stdv": 869.4055975742879,
  "tpm_overlap_csf": 0.10789888645013147,
  "tpm_overlap_gm": 0.35509413277821444,
  "tpm_overlap_wm": 0.040928542850544376,
  "wm2max": 0.4521020775396696
}