{
  "aor": 0.03660333333333333,
  "aqi": 0.000689876888888889,
  "bids_meta": {
    "AcquisitionMatrixPE": 64,
    "AcquisitionNumber": 1,
    "AcquisitionTime": "15:37:56.000000",
    "BodyPartExamined": "BRAIN",
    "CoilString": "32Ch Head",
    "ConversionSoftware": "dcm2niix",
    "ConversionSoftwareVersion": "v1.0.20211006",
    "Dcm2bidsVersion": "2.1.6",
    "DeviceSerialNumber": "000301496MR3T6MR",
    "EchoTime": 0.0169,
    "EffectiveEchoSpacing": 0.000416,
    "FlipAngle": 90,
    "ImageOrientationPatientDICOM": [
      1,
      0,
      0,
      0,
      1,
      0
    ],
    "ImageType": [
      "ORIGINAL",
      "PRIMARY",
      "OTHER"
    ],
    "ImagingFrequency": 127.697,
    "InPlanePhaseEncodingDirectionDICOM": "COL",
    "InstitutionName": "NIH FMRIF",
    "InternalPulseSequenceName": "EPI",
    "MRAcquisitionType": "2D",
    "MagneticFieldStrength": 3,
    "Manufacturer": "GE",
    "ManufacturersModelName": "DISCOVERY MR750",
    "Modality": "MR",
    "PatientPosition": "HFS",
    "PercentPhaseFOV": 100,
    "PercentSampling": 100,
    "PhaseEncodingDirection": "j",
    "PhaseEncodingPolarityGE": "Flipped",
    "PixelBandwidth": 7812.5,
    "ProcedureStepDescription": "MRI Brain",
    "ProtocolName": "ADNI3 FMRIF Enhanced Pro",
    "PulseSequenceName": "epi",
    "ReconMatrixPE": 64,
    "RepetitionTime": 3,
    "SAR": 0.178486,
    "ScanOptions": "MP_GEMS\\EPI_GEMS\\PFF",
    "ScanningSequence": "EP\\GR",
    "SequenceVariant": "SS",
    "SeriesDescription": "Axial rsfMRI reverse blip - RKV",
    "SeriesNumber": 11,
    "SliceThickness": 3.4,
    "SliceTiming": [
      0,
      1.5,
      0.0625,
      1.5625,
      0.125,
      1.625,
      0.1875,
      1.6875,
      0.25,
      1.75,
      0.3125,
      1.8125,
      0.375,
      1.875,
      0.4375,
      1.9375,
      0.5,
      2,
      0.5625,
      2.0625,
      0.625,
      2.125,
      0.6875,
      2.1875,
      0.75,
      2.25,
      0.8125,
      2.3125,
      0.875,
      2.375,
      0.9375,
      2.4375,
      1,
      2.5,
      1.0625,
      2.5625,
      1.125,
      2.625,
      1.1875,
      2.6875,
      1.25,
      2.75,
      1.3125,
      2.8125,
      1.375,
      2.875,
      1.4375,
      2.9375
    ],
    "SoftwareVersions": "27\\LX\\MR Software release:DV26.0_R01_1725.a",
    "SpacingBetweenSlices": 3.4,
    "StationName": "fmrif3tb",
    "TaskName": "Resting state with reverse blip.",
    "TotalReadoutTime": 0.026208,
    "TriggerDelayTime": 29938,
    "dataset": "ds004215",
    "modality": "bold",
    "session_id": "01",
    "subject_id": "ON08792",
    "task_id": "rest"
  },
  "dummy_trs": 1,
  "dvars_nstd": 10.4253753425,
  "dvars_std": 1.30460816625,
  "dvars_vstd": 1.3937780562500002,
  "efc": 0.4528770183088839,
  "fber": 5284.744140625,
  "fd_mean": 0.07084013978444319,
  "fd_num": 0,
  "fd_perc": 0.0,
  "fwhm_avg": 2.515032866054907,
  "fwhm_x": 2.5108014545454544,
  "fwhm_y": 2.334557090909091,
  "fwhm_z": 2.699740052710176,
  "gcor": 0.0468974,
  "gsr_x": -0.007566443178802729,
  "gsr_y": 0.03216767683625221,
  "provenance": {
    "md5sum": "956f638451adcab1d1af0817a90091b9",
    "settings": {
      "fd_thres": 0.2,
      "testing": false
    },
    "software": "mriqc",
    "version": "22.0.6",
    "webapi_port": null,
    "webapi_url": "https://mriqc.nimh.nih.gov/api/v1"
  },
  "size_t": 9,
  "size_x": 64,
  "size_y": 64,
  "size_z": 48,
  "snr": 4.593563958963102,
  "spacing_tr": 3.0,
  "spacing_x": 3.4375,
  "spacing_y": 3.4375,
  "spacing_z": 3.3999977111816406,
  "summary_bg_k": 30.324482208462683,
  "summary_bg_mad": 9.884016675263556,
  "summary_bg_mean": 129.13815307617188,
  "summary_bg_median": 33.55555725097656,
  "summary_bg_n": 136819.0,
  "summary_bg_p05": 24.33333396911621,
  "summary_bg_p95": 649.9000244140615,
  "summary_bg_stdv": 253.80630493164062,
  "summary_fg_k": 2.0493651447841286,
  "summary_fg_mad": 457.71235211404394,
  "summary_fg_mean": 2450.75048828125,
  "summary_fg_median": 2409.77783203125,
  "summary_fg_n": 24750.0,
  "summary_fg_p05": 1646.433349609375,
  "summary_fg_p95": 3331.9000244140625,
  "summary_fg_stdv": 524.588134765625,
  "tsnr": 205.85921926423907
}