{
  "aor": 0.006703969849246231,
  "aqi": 0.0028083115175879395,
  "bids_meta": {
    "AcquisitionMatrixPE": 64,
    "AcquisitionNumber": 1,
    "AcquisitionTime": "15:27:28.000000",
    "BodyPartExamined": "BRAIN",
    "CoilString": "32Ch Head",
    "ConversionSoftware": "dcm2niix",
    "ConversionSoftwareVersion": "v1.0.20211006",
    "Dcm2bidsVersion": "2.1.6",
    "DeviceSerialNumber": "000301496MR3T6MR",
    "EchoTime": 0.0169,
    "EffectiveEchoSpacing": 0.000416,
    "FlipAngle": 90,
    "ImageOrientationPatientDICOM": [
      1,
      0,
      0,
      0,
      1,
      0
    ],
    "ImageType": [
      "ORIGINAL",
      "PRIMARY",
      "OTHER"
    ],
    "ImagingFrequency": 127.697,
    "InPlanePhaseEncodingDirectionDICOM": "COL",
    "InstitutionName": "NIH FMRIF",
    "InternalPulseSequenceName": "EPI",
    "MRAcquisitionType": "2D",
    "MagneticFieldStrength": 3,
    "Manufacturer": "GE",
    "ManufacturersModelName": "DISCOVERY MR750",
    "Modality": "MR",
    "PatientPosition": "HFS",
    "PercentPhaseFOV": 100,
    "PercentSampling": 100,
    "PhaseEncodingDirection": "j",
    "PhaseEncodingPolarityGE": "Flipped",
    "PixelBandwidth": 7812.5,
    "ProcedureStepDescription": "MRI Brain",
    "ProtocolName": "ADNI3 FMRIF Enhanced Pro",
    "PulseSequenceName": "epi",
    "ReconMatrixPE": 64,
    "RepetitionTime": 3,
    "SAR": 0.178486,
    "ScanOptions": "MP_GEMS\\EPI_GEMS\\PFF",
    "ScanningSequence": "EP\\GR",
    "SequenceVariant": "SS",
    "SeriesDescription": "Axial rsfMRI with Eyes Open - RKV",
    "SeriesNumber": 10,
    "SliceThickness": 3.4,
    "SliceTiming": [
      0,
      1.5,
      0.0625,
      1.5625,
      0.125,
      1.625,
      0.1875,
      1.6875,
      0.25,
      1.75,
      0.3125,
      1.8125,
      0.375,
      1.875,
      0.4375,
      1.9375,
      0.5,
      2,
      0.5625,
      2.0625,
      0.625,
      2.125,
      0.6875,
      2.1875,
      0.75,
      2.25,
      0.8125,
      2.3125,
      0.875,
      2.375,
      0.9375,
      2.4375,
      1,
      2.5,
      1.0625,
      2.5625,
      1.125,
      2.625,
      1.1875,
      2.6875,
      1.25,
      2.75,
      1.3125,
      2.8125,
      1.375,
      2.875,
      1.4375,
      2.9375
    ],
    "SoftwareVersions": "27\\LX\\MR Software release:DV26.0_R01_1725.a",
    "SpacingBetweenSlices": 3.4,
    "StationName": "fmrif3tb",
    "TaskName": "Resting state with eyes open.",
    "TotalReadoutTime": 0.026208,
    "TriggerDelayTime": 599938,
    "dataset": "ds004215",
    "modality": "bold",
    "session_id": "01",
    "subject_id": "ON08792",
    "task_id": "rest"
  },
  "dummy_trs": 1,
  "dvars_nstd": 11.04611275409091,
  "dvars_std": 1.1684289457575752,
  "dvars_vstd": 0.995097899292929,
  "efc": 0.451171852961951,
  "fber": 5228.27783203125,
  "fd_mean": 0.07518398414200876,
  "fd_num": 7,
  "fd_perc": 3.5175879396984926,
  "fwhm_avg": 2.502254752196317,
  "fwhm_x": 2.501332363636364,
  "fwhm_y": 2.3364712727272727,
  "fwhm_z": 2.668960620225314,
  "gcor": 0.0386173,
  "gsr_x": -0.006258204113692045,
  "gsr_y": 0.029809333384037018,
  "provenance": {
    "md5sum": "d9dafd179171fef00e40ff776b5e14af",
    "settings": {
      "fd_thres": 0.2,
      "testing": false
    },
    "software": "mriqc",
    "version": "22.0.6",
    "webapi_port": null,
    "webapi_url": "https://mriqc.nimh.nih.gov/api/v1"
  },
  "size_t": 199,
  "size_x": 64,
  "size_y": 64,
  "size_z": 48,
  "snr": 4.586137525298568,
  "spacing_tr": 3.0,
  "spacing_x": 3.4375,
  "spacing_y": 3.4375,
  "spacing_z": 3.3999977111816406,
  "summary_bg_k": 20.731548093490638,
  "summary_bg_mad": 11.294596654268885,
  "summary_bg_mean": 125.84353637695312,
  "summary_bg_median": 33.91959762573242,
  "summary_bg_n": 136964.0,
  "summary_bg_p05": 20.472362518310547,
  "summary_bg_p95": 628.8311553955076,
  "summary_bg_stdv": 236.8085479736328,
  "summary_fg_k": 2.179646259241496,
  "summary_fg_mad": 460.9102990379934,
  "summary_fg_mean": 2459.515869140625,
  "summary_fg_median": 2418.33642578125,
  "summary_fg_n": 24632.0,
  "summary_fg_p05": 1655.616552734375,
  "summary_fg_p95": 3342.620593261716,
  "summary_fg_stdv": 527.3037109375,
  "tsnr": 98.16388068255037
}