{
  "aor": 0.0012451256281407034,
  "aqi": 0.0015058341105527637,
  "bids_meta": {
    "AcquisitionMatrixPE": 64,
    "AcquisitionNumber": 1,
    "AcquisitionTime": "16:15:21.000000",
    "BodyPartExamined": "BRAIN",
    "CoilString": "32Ch Head",
    "ConversionSoftware": "dcm2niix",
    "ConversionSoftwareVersion": "v1.0.20211006",
    "Dcm2bidsVersion": "2.1.6",
    "DeviceSerialNumber": "000301496MR3T6MR",
    "EchoTime": 0.0169,
    "EffectiveEchoSpacing": 0.000416,
    "FlipAngle": 90,
    "ImageOrientationPatientDICOM": [
      1,
      0,
      0,
      0,
      1,
      0
    ],
    "ImageType": [
      "ORIGINAL",
      "PRIMARY",
      "OTHER"
    ],
    "ImagingFrequency": 127.697,
    "InPlanePhaseEncodingDirectionDICOM": "COL",
    "InstitutionName": "NIH FMRIF",
    "InternalPulseSequenceName": "EPI",
    "MRAcquisitionType": "2D",
    "MagneticFieldStrength": 3,
    "Manufacturer": "GE",
    "ManufacturersModelName": "DISCOVERY MR750",
    "Modality": "MR",
    "PatientPosition": "HFS",
    "PercentPhaseFOV": 100,
    "PercentSampling": 100,
    "PhaseEncodingDirection": "j",
    "PhaseEncodingPolarityGE": "Flipped",
    "PixelBandwidth": 7812.5,
    "ProcedureStepDescription": "MRI Brain",
    "ProtocolName": "ADNI3 FMRIF Enhanced Pro",
    "PulseSequenceName": "epi",
    "ReconMatrixPE": 64,
    "RepetitionTime": 3,
    "SAR": 0.193847,
    "ScanOptions": "MP_GEMS\\EPI_GEMS\\PFF",
    "ScanningSequence": "EP\\GR",
    "SequenceVariant": "SS",
    "SeriesDescription": "Axial rsfMRI with Eyes Open - RKV",
    "SeriesNumber": 11,
    "SliceThickness": 3.4,
    "SliceTiming": [
      0,
      1.5,
      0.0625,
      1.5625,
      0.125,
      1.625,
      0.1875,
      1.6875,
      0.25,
      1.75,
      0.3125,
      1.8125,
      0.375,
      1.875,
      0.4375,
      1.9375,
      0.5,
      2,
      0.5625,
      2.0625,
      0.625,
      2.125,
      0.6875,
      2.1875,
      0.75,
      2.25,
      0.8125,
      2.3125,
      0.875,
      2.375,
      0.9375,
      2.4375,
      1,
      2.5,
      1.0625,
      2.5625,
      1.125,
      2.625,
      1.1875,
      2.6875,
      1.25,
      2.75,
      1.3125,
      2.8125,
      1.375,
      2.875,
      1.4375,
      2.9375
    ],
    "SoftwareVersions": "27\\LX\\MR Software release:DV26.0_R01_1725.a",
    "SpacingBetweenSlices": 3.4,
    "StationName": "fmrif3tb",
    "TaskName": "Resting state with eyes open.",
    "TotalReadoutTime": 0.026208,
    "TriggerDelayTime": 599938,
    "dataset": "ds004215",
    "modality": "bold",
    "session_id": "01",
    "subject_id": "ON99299",
    "task_id": "rest"
  },
  "dummy_trs": 1,
  "dvars_nstd": 11.221717097525252,
  "dvars_std": 1.2363282374747468,
  "dvars_vstd": 0.9614677115656565,
  "efc": 0.4786738102051346,
  "fber": 4225.66064453125,
  "fd_mean": 0.04729774558920037,
  "fd_num": 1,
  "fd_perc": 0.5025125628140703,
  "fwhm_avg": 2.4692685830037973,
  "fwhm_x": 2.3738036363636366,
  "fwhm_y": 2.3060974545454545,
  "fwhm_z": 2.727904658102301,
  "gcor": 0.0262414,
  "gsr_x": 0.0016537749907001853,
  "gsr_y": 0.0244238693267107,
  "provenance": {
    "md5sum": "10960bff8416ce2f183326864aecf069",
    "settings": {
      "fd_thres": 0.2,
      "testing": false
    },
    "software": "mriqc",
    "version": "22.0.6",
    "webapi_port": null,
    "webapi_url": "https://mriqc.nimh.nih.gov/api/v1"
  },
  "size_t": 199,
  "size_x": 64,
  "size_y": 64,
  "size_z": 48,
  "snr": 4.578917894076274,
  "spacing_tr": 3.0,
  "spacing_x": 3.4375,
  "spacing_y": 3.4375,
  "spacing_z": 3.4000015258789062,
  "summary_bg_k": 16.49976763263956,
  "summary_bg_mad": 17.977482258514886,
  "summary_bg_mean": 181.83543395996094,
  "summary_bg_median": 40.462310791015625,
  "summary_bg_n": 135728.0,
  "summary_bg_p05": 24.64824104309082,
  "summary_bg_p95": 945.0087738037105,
  "summary_bg_stdv": 349.3802795410156,
  "summary_fg_k": 1.0188674262422852,
  "summary_fg_mad": 498.92894716290226,
  "summary_fg_mean": 2618.158447265625,
  "summary_fg_median": 2562.718505859375,
  "summary_fg_n": 24999.0,
  "summary_fg_p05": 1782.1682739257812,
  "summary_fg_p95": 3594.6491699218745,
  "summary_fg_stdv": 559.6665649414062,
  "tsnr": 132.92631796374917
}