{
  "bids_meta": {
    "AcquisitionMatrixPE": 256,
    "AcquisitionNumber": 1,
    "AcquisitionTime": "14:32:29.000000",
    "BodyPartExamined": "BRAIN",
    "CoilString": "32Ch Head",
    "ConversionSoftware": "dcm2niix",
    "ConversionSoftwareVersion": "v1.0.20211006",
    "Dcm2bidsVersion": "2.1.6",
    "DeviceSerialNumber": "000301496MR3T6MR",
    "EchoTime": 0.00292,
    "FlipAngle": 8,
    "ImageOrientationPatientDICOM": [
      0,
      1,
      0,
      0,
      0,
      -1
    ],
    "ImageType": [
      "ORIGINAL",
      "PRIMARY",
      "OTHER"
    ],
    "ImagingFrequency": 127.696,
    "InPlanePhaseEncodingDirectionDICOM": "ROW",
    "InstitutionName": "NIH FMRIF",
    "InversionTime": 1.06,
    "MRAcquisitionType": "3D",
    "MagneticFieldStrength": 3,
    "Manufacturer": "GE",
    "ManufacturersModelName": "DISCOVERY MR750",
    "Modality": "MR",
    "ParallelReductionFactorInPlane": 2,
    "ParallelReductionOutOfPlane": 2,
    "PatientPosition": "HFS",
    "PercentPhaseFOV": 100,
    "PercentSampling": 100,
    "PixelBandwidth": 244.141,
    "ProcedureStepDescription": "MRI Brain",
    "ProtocolName": "ADNI3 FMRIF Enhanced Pro",
    "ReconMatrixPE": 256,
    "RepetitionTime": 0.006952,
    "SAR": 0.113178,
    "ScanOptions": "EDR_GEMS\\PROMO_GEMS\\ACC_GEMS\\IR_GEMS",
    "ScanningSequence": "RM",
    "SequenceVariant": "NONE",
    "SeriesDescription": "ORIG Anat T1w MP-RAGE 1mm (ABCD)",
    "SeriesNumber": 40003,
    "SliceThickness": 1,
    "SoftwareVersions": "27\\LX\\MR Software release:DV26.0_R03_1831.b",
    "SpacingBetweenSlices": 1,
    "StationName": "FMRI3tb",
    "acq_id": "MPRAGE",
    "dataset": "ds004215",
    "modality": "T1w",
    "session_id": "01",
    "subject_id": "ON65733"
  },
  "cjv": 0.34327388827407457,
  "cnr": 3.8836471327998843,
  "efc": 0.4500261949019234,
  "fber": 3994.837187674375,
  "fwhm_avg": 3.33959,
  "fwhm_x": 3.28496,
  "fwhm_y": 3.3673,
  "fwhm_z": 3.36651,
  "icvs_csf": 0.22660680442184797,
  "icvs_gm": 0.43845459607760967,
  "icvs_wm": 0.3349385995005424,
  "inu_med": 0.8539237082004547,
  "inu_range": 0.42700859904289246,
  "provenance": {
    "md5sum": "263d2685dbfa2d334395ea36878b3565",
    "settings": {
      "testing": false
    },
    "software": "mriqc",
    "version": "22.0.6",
    "warnings": {
      "large_rot_frame": true,
      "small_air_mask": false
    },
    "webapi_port": null,
    "webapi_url": "https://mriqc.nimh.nih.gov/api/v1"
  },
  "qi_1": 0.0,
  "qi_2": 0.0015583824748807474,
  "rpve_csf": 25.598633011911513,
  "rpve_gm": 13.787388882061366,
  "rpve_wm": 20.865411853092592,
  "size_x": 208,
  "size_y": 256,
  "size_z": 256,
  "snr_csf": 1.1153342137319735,
  "snr_gm": 8.31575285855144,
  "snr_total": 9.215712456174467,
  "snr_wm": 18.21605029623999,
  "snrd_csf": 7.857303760564439,
  "snrd_gm": 37.632476677442156,
  "snrd_total": 34.98681416351312,
  "snrd_wm": 59.47066205253275,
  "spacing_x": 1.0,
  "spacing_y": 1.0,
  "spacing_z": 1.0,
  "summary_bg_k": 1.6139418659665514,
  "summary_bg_mad": 11.01657451702488,
  "summary_bg_mean": 11.793798303780587,
  "summary_bg_median": 7.430566594004631,
  "summary_bg_n": 3912125.0,
  "summary_bg_p05": 0.0,
  "summary_bg_p95": 34.472956493496895,
  "summary_bg_stdv": 11.675614939136576,
  "summary_csf_k": 0.9974680181295792,
  "summary_csf_mad": 91.38338861663262,
  "summary_csf_mean": 169.55319167451094,
  "summary_csf_median": 132.1260311305523,
  "summary_csf_n": 30091.0,
  "summary_csf_p05": 36.86860364675522,
  "summary_csf_p95": 407.84877679497004,
  "summary_csf_stdv": 118.46120565888809,
  "summary_gm_k": 0.23718609208605246,
  "summary_gm_mad": 73.80502927799182,
  "summary_gm_mean": 631.6237290083544,
  "summary_gm_median": 632.8162861615419,
  "summary_gm_n": 25258.0,
  "summary_gm_p05": 504.8257916845381,
  "summary_gm_p95": 755.4409370571375,
  "summary_gm_stdv": 76.09698962376058,
  "summary_wm_k": 0.608644722982036,
  "summary_wm_mad": 52.25347912993222,
  "summary_wm_mean": 1000.053654449213,
  "summary_wm_median": 1000.0405718237162,
  "summary_wm_n": 188275.0,
  "summary_wm_p05": 910.6301475614309,
  "summary_wm_p95": 1089.24797514081,
  "summary_wm_stdv": 54.898723914319,
  "tpm_overlap_csf": 0.16081404154050358,
  "tpm_overlap_gm": 0.46952881302173355,
  "tpm_overlap_wm": 0.5094774863475898,
  "wm2max": 0.5254971409063753
}