{
  "bids_meta": {
    "AcquisitionMatrixPE": 256,
    "AcquisitionNumber": 1,
    "AcquisitionTime": "15:25:4.000000",
    "BodyPartExamined": "BRAIN",
    "CoilString": "32Ch Head",
    "ConversionSoftware": "dcm2niix",
    "ConversionSoftwareVersion": "v1.0.20211006",
    "Dcm2bidsVersion": "2.1.6",
    "DeviceSerialNumber": "000301496MR3T6MR",
    "EchoTime": 0.00292,
    "FlipAngle": 8,
    "ImageOrientationPatientDICOM": [
      0,
      1,
      0,
      0,
      0,
      -1
    ],
    "ImageType": [
      "ORIGINAL",
      "PRIMARY",
      "OTHER"
    ],
    "ImagingFrequency": 127.697,
    "InPlanePhaseEncodingDirectionDICOM": "ROW",
    "InstitutionName": "NIH FMRIF",
    "InversionTime": 1.06,
    "MRAcquisitionType": "3D",
    "MagneticFieldStrength": 3,
    "Manufacturer": "GE",
    "ManufacturersModelName": "DISCOVERY MR750",
    "Modality": "MR",
    "ParallelReductionFactorInPlane": 2,
    "ParallelReductionOutOfPlane": 2,
    "PatientPosition": "HFS",
    "PercentPhaseFOV": 100,
    "PercentSampling": 100,
    "PixelBandwidth": 244.141,
    "ProcedureStepDescription": "MRI Brain",
    "ProtocolName": "ADNI3 FMRIF Enhanced Pro",
    "ReconMatrixPE": 256,
    "RepetitionTime": 0.006952,
    "SAR": 0.100791,
    "ScanOptions": "EDR_GEMS\\PROMO_GEMS\\ACC_GEMS\\IR_GEMS",
    "ScanningSequence": "RM",
    "SequenceVariant": "NONE",
    "SeriesDescription": "ORIG Anat T1w MP-RAGE 1mm (ABCD)",
    "SeriesNumber": 40003,
    "SliceThickness": 1,
    "SoftwareVersions": "27\\LX\\MR Software release:DV26.0_R03_1831.b",
    "SpacingBetweenSlices": 1,
    "StationName": "FMRI3tb",
    "acq_id": "MPRAGE",
    "dataset": "ds004215",
    "modality": "T1w",
    "session_id": "01",
    "subject_id": "ON13545"
  },
  "cjv": 0.3595669946870772,
  "cnr": 3.658982097140278,
  "efc": 0.41932680463177097,
  "fber": 8368.39781163435,
  "fwhm_avg": 3.825713333333333,
  "fwhm_x": 3.86182,
  "fwhm_y": 3.937,
  "fwhm_z": 3.67832,
  "icvs_csf": 0.23774534770083067,
  "icvs_gm": 0.4122865423753289,
  "icvs_wm": 0.3499681099238404,
  "inu_med": 0.8237300515174866,
  "inu_range": 0.4840379744768142,
  "provenance": {
    "md5sum": "7ebac19dfeff0b783593fdd45f283e77",
    "settings": {
      "testing": false
    },
    "software": "mriqc",
    "version": "22.0.6",
    "warnings": {
      "large_rot_frame": true,
      "small_air_mask": false
    },
    "webapi_port": null,
    "webapi_url": "https://mriqc.nimh.nih.gov/api/v1"
  },
  "qi_1": 0.0,
  "qi_2": 0.001689496142284745,
  "rpve_csf": 27.31355602540407,
  "rpve_gm": 15.704746161937745,
  "rpve_wm": 21.757329748011333,
  "size_x": 208,
  "size_y": 256,
  "size_z": 256,
  "snr_csf": 1.1447303686968109,
  "snr_gm": 7.8767259402990195,
  "snr_total": 9.618574133232164,
  "snr_wm": 19.83426609070066,
  "snrd_csf": 5.962644298605279,
  "snrd_gm": 33.71621129592741,
  "snrd_total": 30.627345846355343,
  "snrd_wm": 52.203181944533355,
  "spacing_x": 1.0,
  "spacing_y": 1.0,
  "spacing_z": 1.0,
  "summary_bg_k": 1.9900697052473726,
  "summary_bg_mad": 12.549740623352717,
  "summary_bg_mean": 10.427824159278018,
  "summary_bg_median": 8.570922523736954,
  "summary_bg_n": 4104202.0,
  "summary_bg_p05": 0.0,
  "summary_bg_p95": 29.71489255130291,
  "summary_bg_stdv": 10.110700859218142,
  "summary_csf_k": 1.7239320431227023,
  "summary_csf_mad": 71.36024061563323,
  "summary_csf_mean": 143.28058572469627,
  "summary_csf_median": 114.21993859112263,
  "summary_csf_n": 41526.0,
  "summary_csf_p05": 34.22171028330922,
  "summary_csf_p95": 359.9344747029245,
  "summary_csf_stdv": 99.77769999293042,
  "summary_gm_k": 0.1610140553350261,
  "summary_gm_mad": 78.97409998963384,
  "summary_gm_mean": 645.9776379522855,
  "summary_gm_median": 645.8650543093681,
  "summary_gm_n": 25716.0,
  "summary_gm_p05": 511.23604917153716,
  "summary_gm_p95": 783.3628393001854,
  "summary_gm_stdv": 81.99504482350659,
  "summary_wm_k": 0.5521221346958765,
  "summary_wm_mad": 48.3611343686521,
  "summary_wm_mean": 1000.3325823823781,
  "summary_wm_median": 999.9999894946814,
  "summary_wm_n": 196348.0,
  "summary_wm_p05": 918.6470595896244,
  "summary_wm_p95": 1082.8404348790646,
  "summary_wm_stdv": 50.41766801047626,
  "tpm_overlap_csf": 0.15898080104120893,
  "tpm_overlap_gm": 0.4603470408033062,
  "tpm_overlap_wm": 0.5151682062821442,
  "wm2max": 0.5843546941723761
}