{
  "aor": 0.04273333333333334,
  "aqi": 0.0015140517777777777,
  "bids_meta": {
    "AcquisitionMatrixPE": 64,
    "AcquisitionNumber": 1,
    "AcquisitionTime": "15:01:59.000000",
    "BodyPartExamined": "BRAIN",
    "CoilString": "32Ch Head",
    "ConversionSoftware": "dcm2niix",
    "ConversionSoftwareVersion": "v1.0.20211006",
    "Dcm2bidsVersion": "2.1.6",
    "DeviceSerialNumber": "000301496MR3T6MR",
    "EchoTime": 0.0169,
    "EffectiveEchoSpacing": 0.000416,
    "FlipAngle": 90,
    "ImageOrientationPatientDICOM": [
      1,
      0,
      0,
      0,
      1,
      0
    ],
    "ImageType": [
      "ORIGINAL",
      "PRIMARY",
      "OTHER"
    ],
    "ImagingFrequency": 127.697,
    "InPlanePhaseEncodingDirectionDICOM": "COL",
    "InstitutionName": "NIH FMRIF",
    "InternalPulseSequenceName": "EPI",
    "MRAcquisitionType": "2D",
    "MagneticFieldStrength": 3,
    "Manufacturer": "GE",
    "ManufacturersModelName": "DISCOVERY MR750",
    "Modality": "MR",
    "PatientPosition": "HFS",
    "PercentPhaseFOV": 100,
    "PercentSampling": 100,
    "PhaseEncodingDirection": "j-",
    "PhaseEncodingPolarityGE": "Unflipped",
    "PixelBandwidth": 7812.5,
    "ProcedureStepDescription": "MRI Brain",
    "ProtocolName": "ADNI3 FMRIF Enhanced Pro",
    "PulseSequenceName": "epi",
    "ReconMatrixPE": 64,
    "RepetitionTime": 3,
    "SAR": 0.15663,
    "ScanOptions": "MP_GEMS\\EPI_GEMS\\PFF",
    "ScanningSequence": "EP\\GR",
    "SequenceVariant": "SS",
    "SeriesDescription": "Axial rsfMRI reverse blip - RKV",
    "SeriesNumber": 12,
    "SliceThickness": 3.4,
    "SliceTiming": [
      0,
      1.5,
      0.0625,
      1.5625,
      0.125,
      1.625,
      0.1875,
      1.6875,
      0.25,
      1.75,
      0.3125,
      1.8125,
      0.375,
      1.875,
      0.4375,
      1.9375,
      0.5,
      2,
      0.5625,
      2.0625,
      0.625,
      2.125,
      0.6875,
      2.1875,
      0.75,
      2.25,
      0.8125,
      2.3125,
      0.875,
      2.375,
      0.9375,
      2.4375,
      1,
      2.5,
      1.0625,
      2.5625,
      1.125,
      2.625,
      1.1875,
      2.6875,
      1.25,
      2.75,
      1.3125,
      2.8125,
      1.375,
      2.875,
      1.4375,
      2.9375
    ],
    "SoftwareVersions": "27\\LX\\MR Software release:DV26.0_R01_1725.a",
    "SpacingBetweenSlices": 3.4,
    "StationName": "fmrif3tb",
    "TaskName": "Resting state with reverse blip.",
    "TotalReadoutTime": 0.026208,
    "TriggerDelayTime": 29938,
    "dataset": "ds004215",
    "modality": "bold",
    "session_id": "01",
    "subject_id": "ON84651",
    "task_id": "rest"
  },
  "dummy_trs": 1,
  "dvars_nstd": 17.370457650000002,
  "dvars_std": 1.53992043625,
  "dvars_vstd": 1.52793486375,
  "efc": 0.45453719200896003,
  "fber": 5779.91845703125,
  "fd_mean": 0.1134132466048795,
  "fd_num": 0,
  "fd_perc": 0.0,
  "fwhm_avg": 2.597475691276213,
  "fwhm_x": 2.5572160000000004,
  "fwhm_y": 2.5042181818181817,
  "fwhm_z": 2.7309928920104567,
  "gcor": 0.0393146,
  "gsr_x": -0.008470115251839161,
  "gsr_y": 0.040265340358018875,
  "provenance": {
    "md5sum": "c1837fcba4736dae2d61103f9428f4b7",
    "settings": {
      "fd_thres": 0.2,
      "testing": false
    },
    "software": "mriqc",
    "version": "22.0.6",
    "webapi_port": null,
    "webapi_url": "https://mriqc.nimh.nih.gov/api/v1"
  },
  "size_t": 9,
  "size_x": 64,
  "size_y": 64,
  "size_z": 48,
  "snr": 4.3894312237848965,
  "spacing_tr": 3.0,
  "spacing_x": 3.4375,
  "spacing_y": 3.4375,
  "spacing_z": 3.4000015258789062,
  "summary_bg_k": 22.844578121332503,
  "summary_bg_mad": 8.23667867749342,
  "summary_bg_mean": 121.23538208007812,
  "summary_bg_median": 33.0,
  "summary_bg_n": 133583.0,
  "summary_bg_p05": 24.33333396911621,
  "summary_bg_p95": 649.2111206054681,
  "summary_bg_stdv": 250.7239990234375,
  "summary_fg_k": 2.307079193071056,
  "summary_fg_mad": 497.8247777128165,
  "summary_fg_mean": 2605.541748046875,
  "summary_fg_median": 2503.4443359375,
  "summary_fg_n": 26934.0,
  "summary_fg_p05": 1834.6666259765625,
  "summary_fg_p95": 3644.666748046875,
  "summary_fg_stdv": 570.323974609375,
  "tsnr": 151.22442317940295
}