{
  "aor": 0.002768442211055277,
  "aqi": 0.003946085829145729,
  "bids_meta": {
    "AcquisitionMatrixPE": 64,
    "AcquisitionNumber": 1,
    "AcquisitionTime": "14:50:59.000000",
    "BodyPartExamined": "BRAIN",
    "CoilString": "32Ch Head",
    "ConversionSoftware": "dcm2niix",
    "ConversionSoftwareVersion": "v1.0.20211006",
    "Dcm2bidsVersion": "2.1.6",
    "DeviceSerialNumber": "000301496MR3T6MR",
    "EchoTime": 0.0169,
    "EffectiveEchoSpacing": 0.000416,
    "FlipAngle": 90,
    "ImageOrientationPatientDICOM": [
      1,
      0,
      0,
      0,
      1,
      0
    ],
    "ImageType": [
      "ORIGINAL",
      "PRIMARY",
      "OTHER"
    ],
    "ImagingFrequency": 127.697,
    "InPlanePhaseEncodingDirectionDICOM": "COL",
    "InstitutionName": "NIH FMRIF",
    "InternalPulseSequenceName": "EPI",
    "MRAcquisitionType": "2D",
    "MagneticFieldStrength": 3,
    "Manufacturer": "GE",
    "ManufacturersModelName": "DISCOVERY MR750",
    "Modality": "MR",
    "PatientPosition": "HFS",
    "PercentPhaseFOV": 100,
    "PercentSampling": 100,
    "PhaseEncodingDirection": "j",
    "PhaseEncodingPolarityGE": "Flipped",
    "PixelBandwidth": 7812.5,
    "ProcedureStepDescription": "MRI Brain",
    "ProtocolName": "ADNI3 FMRIF Enhanced Pro",
    "PulseSequenceName": "epi",
    "ReconMatrixPE": 64,
    "RepetitionTime": 3,
    "SAR": 0.15663,
    "ScanOptions": "MP_GEMS\\EPI_GEMS\\PFF",
    "ScanningSequence": "EP\\GR",
    "SequenceVariant": "SS",
    "SeriesDescription": "Axial rsfMRI with Eyes Open - RKV",
    "SeriesNumber": 11,
    "SliceThickness": 3.4,
    "SliceTiming": [
      0,
      1.5,
      0.0625,
      1.5625,
      0.125,
      1.625,
      0.1875,
      1.6875,
      0.25,
      1.75,
      0.3125,
      1.8125,
      0.375,
      1.875,
      0.4375,
      1.9375,
      0.5,
      2,
      0.5625,
      2.0625,
      0.625,
      2.125,
      0.6875,
      2.1875,
      0.75,
      2.25,
      0.8125,
      2.3125,
      0.875,
      2.375,
      0.9375,
      2.4375,
      1,
      2.5,
      1.0625,
      2.5625,
      1.125,
      2.625,
      1.1875,
      2.6875,
      1.25,
      2.75,
      1.3125,
      2.8125,
      1.375,
      2.875,
      1.4375,
      2.9375
    ],
    "SoftwareVersions": "27\\LX\\MR Software release:DV26.0_R01_1725.a",
    "SpacingBetweenSlices": 3.4,
    "StationName": "fmrif3tb",
    "TaskName": "Resting state with eyes open.",
    "TotalReadoutTime": 0.026208,
    "TriggerDelayTime": 599938,
    "dataset": "ds004215",
    "modality": "bold",
    "session_id": "01",
    "subject_id": "ON84651",
    "task_id": "rest"
  },
  "dummy_trs": 1,
  "dvars_nstd": 13.969607280959597,
  "dvars_std": 1.1816362334848478,
  "dvars_vstd": 0.9582986180303029,
  "efc": 0.4553500230265692,
  "fber": 5575.810546875,
  "fd_mean": 0.12922289825437772,
  "fd_num": 39,
  "fd_perc": 19.597989949748744,
  "fwhm_avg": 2.683431431946273,
  "fwhm_x": 2.5929978181818183,
  "fwhm_y": 2.541800727272727,
  "fwhm_z": 2.915495750384274,
  "gcor": 0.0706713,
  "gsr_x": -0.010076464153826237,
  "gsr_y": 0.048230599611997604,
  "provenance": {
    "md5sum": "d32eea5e18449672192f104000e8a3cd",
    "settings": {
      "fd_thres": 0.2,
      "testing": false
    },
    "software": "mriqc",
    "version": "22.0.6",
    "webapi_port": null,
    "webapi_url": "https://mriqc.nimh.nih.gov/api/v1"
  },
  "size_t": 199,
  "size_x": 64,
  "size_y": 64,
  "size_z": 48,
  "snr": 3.917746950621035,
  "spacing_tr": 3.0,
  "spacing_x": 3.4375,
  "spacing_y": 3.4375,
  "spacing_z": 3.4000015258789062,
  "summary_bg_k": 19.618493400574156,
  "summary_bg_mad": 8.955218508104041,
  "summary_bg_mean": 123.576416015625,
  "summary_bg_median": 33.26633071899414,
  "summary_bg_n": 133339.0,
  "summary_bg_p05": 22.401507377624515,
  "summary_bg_p95": 666.3522277832009,
  "summary_bg_stdv": 251.3705596923828,
  "summary_fg_k": 1.078743009578658,
  "summary_fg_mad": 569.337712041196,
  "summary_fg_mean": 2597.172119140625,
  "summary_fg_median": 2483.439697265625,
  "summary_fg_n": 27108.0,
  "summary_fg_p05": 1740.2928894042968,
  "summary_fg_p95": 3780.6082641601556,
  "summary_fg_stdv": 633.8831787109375,
  "tsnr": 97.45477601420134
}