{
  "aor": 0.012975477386934673,
  "aqi": 0.004604860402010051,
  "bids_meta": {
    "AcquisitionMatrixPE": 64,
    "AcquisitionNumber": 1,
    "AcquisitionTime": "15:19:59.000000",
    "BodyPartExamined": "BRAIN",
    "CoilString": "32Ch Head",
    "ConversionSoftware": "dcm2niix",
    "ConversionSoftwareVersion": "v1.0.20211006",
    "Dcm2bidsVersion": "2.1.6",
    "DeviceSerialNumber": "000301496MR3T6MR",
    "EchoTime": 0.0169,
    "EffectiveEchoSpacing": 0.000416,
    "FlipAngle": 90,
    "ImageOrientationPatientDICOM": [
      1,
      0,
      0,
      0,
      1,
      0
    ],
    "ImageType": [
      "ORIGINAL",
      "PRIMARY",
      "OTHER"
    ],
    "ImagingFrequency": 127.697,
    "InPlanePhaseEncodingDirectionDICOM": "COL",
    "InstitutionName": "NIH FMRIF",
    "InternalPulseSequenceName": "EPI",
    "MRAcquisitionType": "2D",
    "MagneticFieldStrength": 3,
    "Manufacturer": "GE",
    "ManufacturersModelName": "DISCOVERY MR750",
    "Modality": "MR",
    "PatientPosition": "HFS",
    "PercentPhaseFOV": 100,
    "PercentSampling": 100,
    "PhaseEncodingDirection": "j",
    "PhaseEncodingPolarityGE": "Flipped",
    "PixelBandwidth": 7812.5,
    "ProcedureStepDescription": "MRI Brain",
    "ProtocolName": "ADNI3 FMRIF Enhanced Pro",
    "PulseSequenceName": "epi",
    "ReconMatrixPE": 64,
    "RepetitionTime": 3,
    "SAR": 0.168985,
    "ScanOptions": "MP_GEMS\\EPI_GEMS\\PFF",
    "ScanningSequence": "EP\\GR",
    "SequenceVariant": "SS",
    "SeriesDescription": "Axial rsfMRI with Eyes Open - RKV",
    "SeriesNumber": 11,
    "SliceThickness": 3.4,
    "SliceTiming": [
      0,
      1.5,
      0.0625,
      1.5625,
      0.125,
      1.625,
      0.1875,
      1.6875,
      0.25,
      1.75,
      0.3125,
      1.8125,
      0.375,
      1.875,
      0.4375,
      1.9375,
      0.5,
      2,
      0.5625,
      2.0625,
      0.625,
      2.125,
      0.6875,
      2.1875,
      0.75,
      2.25,
      0.8125,
      2.3125,
      0.875,
      2.375,
      0.9375,
      2.4375,
      1,
      2.5,
      1.0625,
      2.5625,
      1.125,
      2.625,
      1.1875,
      2.6875,
      1.25,
      2.75,
      1.3125,
      2.8125,
      1.375,
      2.875,
      1.4375,
      2.9375
    ],
    "SoftwareVersions": "27\\LX\\MR Software release:DV26.0_R01_1725.a",
    "SpacingBetweenSlices": 3.4,
    "StationName": "fmrif3tb",
    "TaskName": "Resting state with eyes open.",
    "TotalReadoutTime": 0.026208,
    "TriggerDelayTime": 599938,
    "dataset": "ds004215",
    "modality": "bold",
    "session_id": "01",
    "subject_id": "ON08392",
    "task_id": "rest"
  },
  "dummy_trs": 1,
  "dvars_nstd": 12.960092289545466,
  "dvars_std": 1.3404465799999998,
  "dvars_vstd": 1.0573112478282833,
  "efc": 0.46337764406526744,
  "fber": 4338.2548828125,
  "fd_mean": 0.07869929154690564,
  "fd_num": 4,
  "fd_perc": 2.0100502512562812,
  "fwhm_avg": 2.4067883457882124,
  "fwhm_x": 2.3808785454545456,
  "fwhm_y": 2.2893876363636365,
  "fwhm_z": 2.5500988555464548,
  "gcor": 0.024357,
  "gsr_x": -0.01964958943426609,
  "gsr_y": 0.06145871803164482,
  "provenance": {
    "md5sum": "d39a8366b4d9e9adebc4ebfe5c5ac8c8",
    "settings": {
      "fd_thres": 0.2,
      "testing": false
    },
    "software": "mriqc",
    "version": "22.0.6",
    "webapi_port": null,
    "webapi_url": "https://mriqc.nimh.nih.gov/api/v1"
  },
  "size_t": 199,
  "size_x": 64,
  "size_y": 64,
  "size_z": 48,
  "snr": 5.0561907234837316,
  "spacing_tr": 3.0,
  "spacing_x": 3.4375,
  "spacing_y": 3.4375,
  "spacing_z": 3.4000015258789062,
  "summary_bg_k": 66.0086528880012,
  "summary_bg_mad": 18.21588890760003,
  "summary_bg_mean": 168.0770721435547,
  "summary_bg_median": 38.115577697753906,
  "summary_bg_n": 138920.0,
  "summary_bg_p05": 19.06507539749146,
  "summary_bg_p95": 813.1170471191402,
  "summary_bg_stdv": 347.3189392089844,
  "summary_fg_k": 1.2070310583127153,
  "summary_fg_mad": 449.7573007817181,
  "summary_fg_mean": 2460.311767578125,
  "summary_fg_median": 2427.025146484375,
  "summary_fg_n": 23521.0,
  "summary_fg_p05": 1725.2310791015625,
  "summary_fg_p95": 3260.768798828125,
  "summary_fg_stdv": 480.0003967285156,
  "tsnr": 97.58133204677142
}