{
  "bids_meta": {
    "AcquisitionMatrixPE": 256,
    "AcquisitionNumber": 1,
    "AcquisitionTime": "10:14:10.000000",
    "BodyPartExamined": "BRAIN",
    "CoilString": "32Ch Head",
    "ConversionSoftware": "dcm2niix",
    "ConversionSoftwareVersion": "v1.0.20211006",
    "Dcm2bidsVersion": "2.1.6",
    "DeviceSerialNumber": "000301496MR3T6MR",
    "EchoTime": 0.003036,
    "FlipAngle": 11,
    "ImageOrientationPatientDICOM": [
      0,
      1,
      0,
      0,
      0,
      -1
    ],
    "ImageType": [
      "ORIGINAL",
      "PRIMARY",
      "OTHER"
    ],
    "ImagingFrequency": 127.697,
    "InPlanePhaseEncodingDirectionDICOM": "ROW",
    "InstitutionName": "NIH FMRIF",
    "InversionTime": 0.4,
    "MRAcquisitionType": "3D",
    "MagneticFieldStrength": 3,
    "Manufacturer": "GE",
    "ManufacturersModelName": "DISCOVERY MR750",
    "Modality": "MR",
    "ParallelReductionFactorInPlane": 1.72974,
    "PatientPosition": "HFS",
    "PercentPhaseFOV": 100,
    "PercentSampling": 100,
    "PixelBandwidth": 244.141,
    "ProcedureStepDescription": "MRI Brain",
    "ProtocolName": "ADNI3 FMRIF Enhanced Pro",
    "ReconMatrixPE": 256,
    "RepetitionTime": 0.007348,
    "SAR": 0.166495,
    "ScanOptions": "FAST_GEMS\\EDR_GEMS\\FILTERED_GEMS\\ACC_GEMS\\IR_GEMS",
    "ScanningSequence": "GR",
    "SequenceVariant": "SS\\SP\\SK",
    "SeriesDescription": "Accelerated Sagittal IR-FSPGR",
    "SeriesNumber": 3,
    "SliceThickness": 1.2,
    "SoftwareVersions": "27\\LX\\MR Software release:DV26.0_EB_1707.b",
    "SpacingBetweenSlices": 1.2,
    "SpoilingState": true,
    "StationName": "fmrif3tb",
    "acq_id": "FSPGR",
    "dataset": "ds004215",
    "modality": "T1w",
    "rec_id": "SCIC",
    "session_id": "01",
    "subject_id": "ON84478"
  },
  "cjv": 0.3031525182095229,
  "cnr": 4.324296848127417,
  "efc": 0.5840359432387788,
  "fber": -1.0,
  "fwhm_avg": 3.605123272442507,
  "fwhm_x": 3.3282456370838025,
  "fwhm_y": 3.9108655860543102,
  "fwhm_z": 3.576258594189409,
  "icvs_csf": 0.21882488561130345,
  "icvs_gm": 0.45782253872080975,
  "icvs_wm": 0.3233525756678868,
  "inu_med": 0.5352380275726318,
  "inu_range": 0.12816642522811889,
  "provenance": {
    "md5sum": "c5c7a74f5f31c27e007b08f59aefb7aa",
    "settings": {
      "testing": false
    },
    "software": "mriqc",
    "version": "22.0.6",
    "warnings": {
      "large_rot_frame": true,
      "small_air_mask": false
    },
    "webapi_port": null,
    "webapi_url": "https://mriqc.nimh.nih.gov/api/v1"
  },
  "qi_1": 0.0,
  "qi_2": 0.005611155786842053,
  "rpve_csf": 33.1361229239587,
  "rpve_gm": 17.1674331126257,
  "rpve_wm": 28.439445489599596,
  "size_x": 196,
  "size_y": 256,
  "size_z": 256,
  "snr_csf": 1.8784031113515984,
  "snr_gm": 9.769497105193741,
  "snr_total": 11.915821188401075,
  "snr_wm": 24.099563348657888,
  "snrd_csf": 16.80338447956469,
  "snrd_gm": 55.41500911555933,
  "snrd_total": 52.198970887663016,
  "snrd_wm": 84.37851906786504,
  "spacing_x": 1.2000045776367188,
  "spacing_y": 1.0547000169754028,
  "spacing_z": 1.0547000169754028,
  "summary_bg_k": 16.2408217671255,
  "summary_bg_mad": 0.0,
  "summary_bg_mean": 4.327999703046548,
  "summary_bg_median": 0.0,
  "summary_bg_n": 972278.0,
  "summary_bg_p05": 0.0,
  "summary_bg_p95": 18.595354177057743,
  "summary_bg_stdv": 7.764255722676185,
  "summary_csf_k": 1.1748967433511739,
  "summary_csf_mad": 88.68043791479863,
  "summary_csf_mean": 216.31524380259057,
  "summary_csf_median": 199.14291757531464,
  "summary_csf_n": 15414.0,
  "summary_csf_p05": 70.65477447453887,
  "summary_csf_p95": 425.7669823497532,
  "summary_csf_stdv": 106.013696666346,
  "summary_gm_k": 0.1393168427059912,
  "summary_gm_mad": 65.35411513164021,
  "summary_gm_mean": 653.6646342920666,
  "summary_gm_median": 656.7430868558586,
  "summary_gm_n": 32586.0,
  "summary_gm_p05": 536.3881397880614,
  "summary_gm_p95": 759.4415331333876,
  "summary_gm_stdv": 67.22280611098184,
  "summary_wm_k": 0.8076363175916073,
  "summary_wm_mad": 38.70508226964882,
  "summary_wm_mean": 999.1801208387061,
  "summary_wm_median": 999.9999993033707,
  "summary_wm_n": 136180.0,
  "summary_wm_p05": 929.7374232597649,
  "summary_wm_p95": 1064.5083126537502,
  "summary_wm_stdv": 41.49437536349471,
  "tpm_overlap_csf": 0.17001954259173388,
  "tpm_overlap_gm": 0.47683527166587825,
  "tpm_overlap_wm": 0.5118637479855561,
  "wm2max": 0.5711345199176656
}