{
  "bids_meta": {
    "AcquisitionMatrixPE": 256,
    "AcquisitionNumber": 1,
    "AcquisitionTime": "10:27:43.000000",
    "BodyPartExamined": "BRAIN",
    "CoilString": "32Ch Head",
    "ConversionSoftware": "dcm2niix",
    "ConversionSoftwareVersion": "v1.0.20211006",
    "Dcm2bidsVersion": "2.1.6",
    "DeviceSerialNumber": "000301496MR3T6MR",
    "EchoTime": 0.06231,
    "EchoTrainLength": 140,
    "FlipAngle": 90,
    "ImageOrientationPatientDICOM": [
      0,
      1,
      0,
      0,
      0,
      -1
    ],
    "ImageType": [
      "ORIGINAL",
      "PRIMARY",
      "OTHER"
    ],
    "ImagingFrequency": 127.697,
    "InPlanePhaseEncodingDirectionDICOM": "ROW",
    "InstitutionName": "NIH FMRIF",
    "MRAcquisitionType": "3D",
    "MagneticFieldStrength": 3,
    "Manufacturer": "GE",
    "ManufacturersModelName": "DISCOVERY MR750",
    "Modality": "MR",
    "ParallelReductionFactorInPlane": 2,
    "PatientPosition": "HFS",
    "PercentPhaseFOV": 100,
    "PercentSampling": 100,
    "PhaseEncodingAxis": "i",
    "PixelBandwidth": 244.141,
    "ProcedureStepDescription": "MRI Brain",
    "ProtocolName": "ADNI3 FMRIF Enhanced Pro",
    "ReconMatrixPE": 256,
    "RepetitionTime": 3.202,
    "SAR": 0.4724,
    "ScanOptions": "SAT_GEMS\\EDR_GEMS\\PROMO_GEMS\\ACC_GEMS\\FS\\FR_GEMS",
    "ScanningSequence": "RM",
    "SequenceVariant": "NONE",
    "SeriesDescription": "Sag_CUBE_T2",
    "SeriesNumber": 5,
    "SliceThickness": 1,
    "SoftwareVersions": "27\\LX\\MR Software release:DV26.0_EB_1707.b",
    "SpacingBetweenSlices": 1,
    "StationName": "fmrif3tb",
    "acq_id": "CUBE",
    "dataset": "ds004215",
    "modality": "T2w",
    "session_id": "01",
    "subject_id": "ON84478"
  },
  "cjv": 2.0523009740185385,
  "cnr": 0.7452213779609543,
  "efc": 0.3916078855132757,
  "fber": 6542.020642092746,
  "fwhm_avg": 2.42901,
  "fwhm_x": 2.03002,
  "fwhm_y": 2.66822,
  "fwhm_z": 2.58879,
  "icvs_csf": 0.3445383984918815,
  "icvs_gm": 0.1779859791862752,
  "icvs_wm": 0.4774756223218433,
  "inu_med": 0.9962203502655029,
  "inu_range": 0.6192870676517486,
  "provenance": {
    "md5sum": "9e6445dfdb9f76c07b008eb6f1881c90",
    "settings": {
      "testing": false
    },
    "software": "mriqc",
    "version": "22.0.6",
    "warnings": {
      "large_rot_frame": true,
      "small_air_mask": false
    },
    "webapi_port": null,
    "webapi_url": "https://mriqc.nimh.nih.gov/api/v1"
  },
  "qi_1": 0.0,
  "qi_2": 0.007308874243014732,
  "rpve_csf": 16.69875900037537,
  "rpve_gm": 38.20531771300513,
  "rpve_wm": 14.0818837247915,
  "size_x": 204,
  "size_y": 256,
  "size_z": 256,
  "snr_csf": 11.043899668912387,
  "snr_gm": 1.4272162288474872,
  "snr_total": 8.076348217053694,
  "snr_wm": 11.757928753401202,
  "snrd_csf": 59.34388352316095,
  "snrd_gm": 83.09508331260531,
  "snrd_total": 60.69065128139962,
  "snrd_wm": 39.6329870084326,
  "spacing_x": 1.0,
  "spacing_y": 1.0,
  "spacing_z": 1.0,
  "summary_bg_k": 10.17369674551313,
  "summary_bg_mad": 16.530078951286317,
  "summary_bg_mean": 10.557010444997982,
  "summary_bg_median": 11.149368822574615,
  "summary_bg_n": 3662234.0,
  "summary_bg_p05": 0.0,
  "summary_bg_p95": 35.33366148918867,
  "summary_bg_stdv": 13.704047672152994,
  "summary_csf_k": 0.5412161330468583,
  "summary_csf_mad": 129.26278650509556,
  "summary_csf_mean": 1503.3202142634975,
  "summary_csf_median": 1497.3356386758387,
  "summary_csf_n": 20344.0,
  "summary_csf_p05": 1290.0598543923347,
  "summary_csf_p95": 1734.1244580779223,
  "summary_csf_stdv": 135.57700474359493,
  "summary_gm_k": -1.5506434644786584,
  "summary_gm_mad": 2166.3519278547915,
  "summary_gm_mean": 1784.2998479223274,
  "summary_gm_median": 2096.6142128892243,
  "summary_gm_n": 38382.0,
  "summary_gm_p05": 41.97409439086914,
  "summary_gm_p95": 3970.064790922775,
  "summary_gm_stdv": 1469.004386208122,
  "summary_wm_k": 0.29886909135141604,
  "summary_wm_mad": 84.23047583265748,
  "summary_wm_mean": 1000.7467900455586,
  "summary_wm_median": 1000.0000066012144,
  "summary_wm_n": 187179.0,
  "summary_wm_p05": 862.8463739529252,
  "summary_wm_p95": 1138.7112716585398,
  "summary_wm_stdv": 85.04876635423835,
  "tpm_overlap_csf": 0.1104276928344162,
  "tpm_overlap_gm": 0.11209338494357468,
  "tpm_overlap_wm": 0.47640564595333457,
  "wm2max": 0.2617203424378312
}