{
  "bids_meta": {
    "AcquisitionMatrixPE": 256,
    "AcquisitionNumber": 1,
    "AcquisitionTime": "10:10:37.000000",
    "BodyPartExamined": "BRAIN",
    "CoilString": "32Ch Head",
    "ConversionSoftware": "dcm2niix",
    "ConversionSoftwareVersion": "v1.0.20211006",
    "Dcm2bidsVersion": "2.1.6",
    "DeviceSerialNumber": "000301496mr3T5mr",
    "EchoTime": 0.00292,
    "FlipAngle": 8,
    "ImageOrientationPatientDICOM": [
      0,
      1,
      0,
      0,
      0,
      -1
    ],
    "ImageType": [
      "ORIGINAL",
      "PRIMARY",
      "OTHER"
    ],
    "ImagingFrequency": 127.824,
    "InPlanePhaseEncodingDirectionDICOM": "ROW",
    "InstitutionName": "NIH FMRIF",
    "InversionTime": 1.06,
    "MRAcquisitionType": "3D",
    "MagneticFieldStrength": 3,
    "Manufacturer": "GE",
    "ManufacturersModelName": "DISCOVERY MR750",
    "Modality": "MR",
    "ParallelReductionFactorInPlane": 2,
    "ParallelReductionOutOfPlane": 2,
    "PatientPosition": "HFS",
    "PercentPhaseFOV": 100,
    "PercentSampling": 100,
    "PixelBandwidth": 244.141,
    "ProcedureStepDescription": "MRI Brain",
    "ProtocolName": "ADNI3 FMRIF Enhanced Pro",
    "ReconMatrixPE": 256,
    "RepetitionTime": 0.006952,
    "SAR": 0.124753,
    "ScanOptions": "EDR_GEMS\\PROMO_GEMS\\FILTERED_GEMS\\ACC_GEMS\\IR_GEMS",
    "ScanningSequence": "RM",
    "SequenceVariant": "NONE",
    "SeriesDescription": "Anat T1w MP-RAGE 1mm (ABCD)",
    "SeriesNumber": 3,
    "SliceThickness": 1,
    "SoftwareVersions": "27\\LX\\MR Software release:DV26.0_R03_1831.b",
    "SpacingBetweenSlices": 1,
    "StationName": "FMRI3ta",
    "acq_id": "MPRAGE",
    "dataset": "ds004215",
    "modality": "T1w",
    "rec_id": "SCIC",
    "session_id": "01",
    "subject_id": "ON61087"
  },
  "cjv": 0.35325126978908955,
  "cnr": 3.719684435790226,
  "efc": 0.6288748665102065,
  "fber": 16333.401763072092,
  "fwhm_avg": 3.350936666666667,
  "fwhm_x": 3.3031,
  "fwhm_y": 3.4968,
  "fwhm_z": 3.25291,
  "icvs_csf": 0.24672223189559628,
  "icvs_gm": 0.4142875095476742,
  "icvs_wm": 0.33899025855672954,
  "inu_med": 0.5777242183685303,
  "inu_range": 0.11728084087371826,
  "provenance": {
    "md5sum": "4113140befd027616ba62144277f7166",
    "settings": {
      "testing": false
    },
    "software": "mriqc",
    "version": "22.0.6",
    "warnings": {
      "large_rot_frame": true,
      "small_air_mask": false
    },
    "webapi_port": null,
    "webapi_url": "https://mriqc.nimh.nih.gov/api/v1"
  },
  "qi_1": 3.8460122621859524e-06,
  "qi_2": 0.0019511660374290356,
  "rpve_csf": 25.61566144530238,
  "rpve_gm": 15.05670612817261,
  "rpve_wm": 21.680203053801264,
  "size_x": 208,
  "size_y": 256,
  "size_z": 256,
  "snr_csf": 1.6409453974149761,
  "snr_gm": 7.7509630307280855,
  "snr_total": 9.789920877730031,
  "snr_wm": 19.97785420504703,
  "snrd_csf": 15.465897537312609,
  "snrd_gm": 60.71895401481938,
  "snrd_total": 57.12710357127139,
  "snrd_wm": 95.19645916168218,
  "spacing_x": 1.0,
  "spacing_y": 1.0,
  "spacing_z": 1.0,
  "summary_bg_k": 11.305830270898273,
  "summary_bg_mad": 6.8819408091451475,
  "summary_bg_mean": 8.76868991451763,
  "summary_bg_median": 4.641798537224531,
  "summary_bg_n": 1573785.0,
  "summary_bg_p05": 0.0,
  "summary_bg_p95": 41.02119550667703,
  "summary_bg_stdv": 14.257733491653857,
  "summary_csf_k": 1.8333271406114644,
  "summary_csf_mad": 75.24531667830388,
  "summary_csf_mean": 185.79739741764504,
  "summary_csf_median": 162.4629488028586,
  "summary_csf_n": 42246.0,
  "summary_csf_p05": 68.14495804347098,
  "summary_csf_p95": 395.07018453720957,
  "summary_csf_stdv": 99.00452886910148,
  "summary_gm_k": 0.10841736292299675,
  "summary_gm_mad": 80.09584122450859,
  "summary_gm_mean": 638.4151325329861,
  "summary_gm_median": 637.8278592415154,
  "summary_gm_n": 24667.0,
  "summary_gm_p05": 503.3079783799127,
  "summary_gm_p95": 775.918569459766,
  "summary_gm_stdv": 82.28847535635671,
  "summary_wm_k": 0.43632861387544164,
  "summary_wm_mad": 47.84192586598494,
  "summary_wm_mean": 999.1166156801468,
  "summary_wm_median": 999.9999957121909,
  "summary_wm_n": 184488.0,
  "summary_wm_p05": 915.4227912205272,
  "summary_wm_p95": 1079.40411147261,
  "summary_wm_stdv": 50.05528998467341,
  "tpm_overlap_csf": 0.14756731000546752,
  "tpm_overlap_gm": 0.4411228351882225,
  "tpm_overlap_wm": 0.4888517408724628,
  "wm2max": 0.6184201424915265
}