{
  "bids_meta": {
    "AcquisitionMatrixPE": 256,
    "AcquisitionNumber": 1,
    "AcquisitionTime": "11:34:26.000000",
    "BodyPartExamined": "BRAIN",
    "CoilString": "32Ch Head",
    "ConversionSoftware": "dcm2niix",
    "ConversionSoftwareVersion": "v1.0.20211006",
    "Dcm2bidsVersion": "2.1.6",
    "DeviceSerialNumber": "000301496mr3T5mr",
    "EchoTime": 0.066629,
    "EchoTrainLength": 140,
    "FlipAngle": 90,
    "ImageOrientationPatientDICOM": [
      0,
      1,
      0,
      0,
      0,
      -1
    ],
    "ImageType": [
      "ORIGINAL",
      "PRIMARY",
      "OTHER"
    ],
    "ImagingFrequency": 127.824,
    "InPlanePhaseEncodingDirectionDICOM": "ROW",
    "InstitutionName": "NIH FMRIF",
    "MRAcquisitionType": "3D",
    "MagneticFieldStrength": 3,
    "Manufacturer": "GE",
    "ManufacturersModelName": "DISCOVERY MR750",
    "Modality": "MR",
    "ParallelReductionFactorInPlane": 2,
    "ParallelReductionOutOfPlane": 1.5,
    "PatientPosition": "HFS",
    "PercentPhaseFOV": 100,
    "PercentSampling": 100,
    "PhaseEncodingAxis": "i",
    "PixelBandwidth": 244.141,
    "ProcedureStepDescription": "MRI Brain",
    "ProtocolName": "ADNI3 FMRIF Enhanced Pro",
    "ReconMatrixPE": 256,
    "RepetitionTime": 3.202,
    "SAR": 0.4408,
    "ScanOptions": "SAT_GEMS\\EDR_GEMS\\PROMO_GEMS\\FILTERED_GEMS\\ACC_GEMS\\FS\\FR_GEMS",
    "ScanningSequence": "RM",
    "SequenceVariant": "NONE",
    "SeriesDescription": "Anat T2w CUBE (ABCD)",
    "SeriesNumber": 4,
    "SliceThickness": 1,
    "SoftwareVersions": "27\\LX\\MR Software release:DV26.0_R03_1831.b",
    "SpacingBetweenSlices": 1,
    "StationName": "FMRI3ta",
    "acq_id": "CUBE",
    "dataset": "ds004215",
    "modality": "T2w",
    "rec_id": "SCIC",
    "session_id": "01",
    "subject_id": "ON87092"
  },
  "cjv": 2.948912104939714,
  "cnr": 0.542888877543319,
  "efc": 0.4576901086719254,
  "fber": 7489.66612244898,
  "fwhm_avg": 2.216506666666667,
  "fwhm_x": 1.87613,
  "fwhm_y": 2.49351,
  "fwhm_z": 2.27988,
  "icvs_csf": 0.2644301722895059,
  "icvs_gm": 0.5233781772134551,
  "icvs_wm": 0.21219165049703895,
  "inu_med": 0.8409170806407928,
  "inu_range": 0.163494512438774,
  "provenance": {
    "md5sum": "5d78980f0ae54612330812f59e329ae2",
    "settings": {
      "testing": false
    },
    "software": "mriqc",
    "version": "22.0.6",
    "warnings": {
      "large_rot_frame": true,
      "small_air_mask": false
    },
    "webapi_port": null,
    "webapi_url": "https://mriqc.nimh.nih.gov/api/v1"
  },
  "qi_1": 0.0026471590412923706,
  "qi_2": 0.003286431496653992,
  "rpve_csf": 19.434858715046193,
  "rpve_gm": 12.552137824479352,
  "rpve_wm": 31.555976286549363,
  "size_x": 204,
  "size_y": 256,
  "size_z": 256,
  "snr_csf": 10.931955261863946,
  "snr_gm": 11.73533150992477,
  "snr_total": 8.010947272150487,
  "snr_wm": 1.365555044662746,
  "snrd_csf": 65.33951156546463,
  "snrd_gm": 45.35770585113152,
  "snrd_total": 62.03729323125921,
  "snrd_wm": 75.41466227718148,
  "spacing_x": 1.0,
  "spacing_y": 1.0,
  "spacing_z": 1.0,
  "summary_bg_k": 184.0966330882209,
  "summary_bg_mad": 8.699995350344327,
  "summary_bg_mean": 6.810257907089838,
  "summary_bg_median": 6.075514275580645,
  "summary_bg_n": 3247958.0,
  "summary_bg_p05": 0.0,
  "summary_bg_p95": 18.31545279175043,
  "summary_bg_stdv": 8.688241475403824,
  "summary_csf_k": 0.6532254443150678,
  "summary_csf_mad": 74.91662662796504,
  "summary_csf_mean": 871.7639743765584,
  "summary_csf_median": 867.687166845426,
  "summary_csf_n": 11268.0,
  "summary_csf_p05": 749.6888249516487,
  "summary_csf_p95": 1008.5546335721389,
  "summary_csf_stdv": 79.36811329145172,
  "summary_gm_k": 0.07875135516805276,
  "summary_gm_mad": 51.45300280430913,
  "summary_gm_mean": 601.8521897331807,
  "summary_gm_median": 602.335376277566,
  "summary_gm_n": 214637.0,
  "summary_gm_p05": 517.3374497294426,
  "summary_gm_p95": 684.4585472904146,
  "summary_gm_stdv": 51.32654093474437,
  "summary_wm_k": -1.7680901658149124,
  "summary_wm_mad": 1125.5948529786397,
  "summary_wm_mean": 926.357706495541,
  "summary_wm_median": 1001.4818458557129,
  "summary_wm_n": 56390.0,
  "summary_wm_p05": 37.401458613574505,
  "summary_wm_p95": 1834.7623380756004,
  "summary_wm_stdv": 733.3816163405266,
  "tpm_overlap_csf": 0.10531467643503346,
  "tpm_overlap_gm": 0.33234660590250364,
  "tpm_overlap_wm": 0.04175530015930167,
  "wm2max": 0.547735598275359
}