{
  "bids_meta": {
    "AcquisitionMatrixPE": 256,
    "AcquisitionNumber": 1,
    "AcquisitionTime": "11:27:46.000000",
    "BodyPartExamined": "BRAIN",
    "CoilString": "32Ch Head",
    "ConversionSoftware": "dcm2niix",
    "ConversionSoftwareVersion": "v1.0.20211006",
    "Dcm2bidsVersion": "2.1.6",
    "DeviceSerialNumber": "000301496mr3T5mr",
    "EchoTime": 0.00292,
    "FlipAngle": 8,
    "ImageOrientationPatientDICOM": [
      0,
      1,
      0,
      0,
      0,
      -1
    ],
    "ImageType": [
      "ORIGINAL",
      "PRIMARY",
      "OTHER"
    ],
    "ImagingFrequency": 127.824,
    "InPlanePhaseEncodingDirectionDICOM": "ROW",
    "InstitutionName": "NIH FMRIF",
    "InversionTime": 1.06,
    "MRAcquisitionType": "3D",
    "MagneticFieldStrength": 3,
    "Manufacturer": "GE",
    "ManufacturersModelName": "DISCOVERY MR750",
    "Modality": "MR",
    "ParallelReductionFactorInPlane": 2,
    "ParallelReductionOutOfPlane": 2,
    "PatientPosition": "HFS",
    "PercentPhaseFOV": 100,
    "PercentSampling": 100,
    "PixelBandwidth": 244.141,
    "ProcedureStepDescription": "MRI Brain",
    "ProtocolName": "ADNI3 FMRIF Enhanced Pro",
    "ReconMatrixPE": 256,
    "RepetitionTime": 0.006952,
    "SAR": 0.123577,
    "ScanOptions": "EDR_GEMS\\PROMO_GEMS\\ACC_GEMS\\IR_GEMS",
    "ScanningSequence": "RM",
    "SequenceVariant": "NONE",
    "SeriesDescription": "ORIG Anat T1w MP-RAGE 1mm (ABCD)",
    "SeriesNumber": 40003,
    "SliceThickness": 1,
    "SoftwareVersions": "27\\LX\\MR Software release:DV26.0_R03_1831.b",
    "SpacingBetweenSlices": 1,
    "StationName": "FMRI3ta",
    "acq_id": "MPRAGE",
    "dataset": "ds004215",
    "modality": "T1w",
    "session_id": "01",
    "subject_id": "ON87092"
  },
  "cjv": 0.4091732246297061,
  "cnr": 3.0938249642996913,
  "efc": 0.4535062648402519,
  "fber": 5435.375625000001,
  "fwhm_avg": 3.755053333333333,
  "fwhm_x": 3.72848,
  "fwhm_y": 3.89965,
  "fwhm_z": 3.63703,
  "icvs_csf": 0.2209646814607217,
  "icvs_gm": 0.40621424707186815,
  "icvs_wm": 0.37282107146741017,
  "inu_med": 0.8814489245414734,
  "inu_range": 0.5881635069847105,
  "provenance": {
    "md5sum": "cda2e2d9f71ddf41474311d605bee2a0",
    "settings": {
      "testing": false
    },
    "software": "mriqc",
    "version": "22.0.6",
    "warnings": {
      "large_rot_frame": true,
      "small_air_mask": false
    },
    "webapi_port": null,
    "webapi_url": "https://mriqc.nimh.nih.gov/api/v1"
  },
  "qi_1": 0.004612399409551926,
  "qi_2": 0.00026814319843997803,
  "rpve_csf": 26.478481230470813,
  "rpve_gm": 14.49707517951678,
  "rpve_wm": 18.927506617035988,
  "size_x": 208,
  "size_y": 256,
  "size_z": 256,
  "snr_csf": 1.3289006548715399,
  "snr_gm": 7.551934773569644,
  "snr_total": 9.09877369369369,
  "snr_wm": 18.415485652639887,
  "snrd_csf": 6.820091267852036,
  "snrd_gm": 28.403156209348282,
  "snrd_total": 26.06060084265619,
  "snrd_wm": 42.958555050768254,
  "spacing_x": 1.0,
  "spacing_y": 1.0,
  "spacing_z": 1.0,
  "summary_bg_k": 275.9243913684412,
  "summary_bg_mad": 15.25098678980866,
  "summary_bg_mean": 17.284443614760093,
  "summary_bg_median": 12.958962745964527,
  "summary_bg_n": 3909898.0,
  "summary_bg_p05": 0.0,
  "summary_bg_p95": 43.892080035060644,
  "summary_bg_stdv": 37.15461847052527,
  "summary_csf_k": 0.56158881782049,
  "summary_csf_mad": 104.09748278595377,
  "summary_csf_mean": 188.06720454699376,
  "summary_csf_median": 158.76559725776315,
  "summary_csf_n": 29782.0,
  "summary_csf_p05": 39.281398233212535,
  "summary_csf_p95": 427.1314389033242,
  "summary_csf_stdv": 119.46937582660856,
  "summary_gm_k": 0.02227033274936341,
  "summary_gm_mad": 86.75694798401831,
  "summary_gm_mean": 659.7211079679784,
  "summary_gm_median": 661.1999579593539,
  "summary_gm_n": 22014.0,
  "summary_gm_p05": 514.7947950834408,
  "summary_gm_p95": 803.5545297961681,
  "summary_gm_stdv": 87.5517281197637,
  "summary_wm_k": 0.6081779483340739,
  "summary_wm_mad": 51.88591946995402,
  "summary_wm_mean": 1001.0247722744252,
  "summary_wm_median": 1000.0365658029914,
  "summary_wm_n": 223139.0,
  "summary_wm_p05": 914.4122328571975,
  "summary_wm_p95": 1090.7126977853477,
  "summary_wm_stdv": 54.303988709601434,
  "tpm_overlap_csf": 0.15387115331437928,
  "tpm_overlap_gm": 0.45445434558986514,
  "tpm_overlap_wm": 0.5215167590563456,
  "wm2max": 0.5014017471587796
}