{
  "bids_meta": {
    "AcquisitionMatrixPE": 256,
    "AcquisitionNumber": 1,
    "AcquisitionTime": "11:34:26.000000",
    "BodyPartExamined": "BRAIN",
    "CoilString": "32Ch Head",
    "ConversionSoftware": "dcm2niix",
    "ConversionSoftwareVersion": "v1.0.20211006",
    "Dcm2bidsVersion": "2.1.6",
    "DeviceSerialNumber": "000301496mr3T5mr",
    "EchoTime": 0.066629,
    "EchoTrainLength": 140,
    "FlipAngle": 90,
    "ImageOrientationPatientDICOM": [
      0,
      1,
      0,
      0,
      0,
      -1
    ],
    "ImageType": [
      "ORIGINAL",
      "PRIMARY",
      "OTHER"
    ],
    "ImagingFrequency": 127.824,
    "InPlanePhaseEncodingDirectionDICOM": "ROW",
    "InstitutionName": "NIH FMRIF",
    "MRAcquisitionType": "3D",
    "MagneticFieldStrength": 3,
    "Manufacturer": "GE",
    "ManufacturersModelName": "DISCOVERY MR750",
    "Modality": "MR",
    "ParallelReductionFactorInPlane": 2,
    "ParallelReductionOutOfPlane": 1.5,
    "PatientPosition": "HFS",
    "PercentPhaseFOV": 100,
    "PercentSampling": 100,
    "PhaseEncodingAxis": "i",
    "PixelBandwidth": 244.141,
    "ProcedureStepDescription": "MRI Brain",
    "ProtocolName": "ADNI3 FMRIF Enhanced Pro",
    "ReconMatrixPE": 256,
    "RepetitionTime": 3.202,
    "SAR": 0.4408,
    "ScanOptions": "SAT_GEMS\\EDR_GEMS\\PROMO_GEMS\\ACC_GEMS\\FS\\FR_GEMS",
    "ScanningSequence": "RM",
    "SequenceVariant": "NONE",
    "SeriesDescription": "ORIG Anat T2w CUBE (ABCD)",
    "SeriesNumber": 40004,
    "SliceThickness": 1,
    "SoftwareVersions": "27\\LX\\MR Software release:DV26.0_R03_1831.b",
    "SpacingBetweenSlices": 1,
    "StationName": "FMRI3ta",
    "acq_id": "CUBE",
    "dataset": "ds004215",
    "modality": "T2w",
    "session_id": "01",
    "subject_id": "ON87092"
  },
  "cjv": 8.367292325904751,
  "cnr": 0.1549288709693689,
  "efc": 0.4101790277460431,
  "fber": 7138.713719008264,
  "fwhm_avg": 2.3940300000000003,
  "fwhm_x": 2.05582,
  "fwhm_y": 2.60947,
  "fwhm_z": 2.5168,
  "icvs_csf": 0.22706319712443565,
  "icvs_gm": 0.5786759291159378,
  "icvs_wm": 0.19426087375962653,
  "inu_med": 0.8950114846229553,
  "inu_range": 0.5063261479139327,
  "provenance": {
    "md5sum": "2f376f27ababe3f06b059b8b8d467547",
    "settings": {
      "testing": false
    },
    "software": "mriqc",
    "version": "22.0.6",
    "warnings": {
      "large_rot_frame": true,
      "small_air_mask": false
    },
    "webapi_port": null,
    "webapi_url": "https://mriqc.nimh.nih.gov/api/v1"
  },
  "qi_1": 0.004667369234053991,
  "qi_2": 0.005070610056305282,
  "rpve_csf": 21.5991747610055,
  "rpve_gm": 11.662431625092136,
  "rpve_wm": 34.18064028297534,
  "size_x": 204,
  "size_y": 256,
  "size_z": 256,
  "snr_csf": 9.20971963169619,
  "snr_gm": 10.50903866211146,
  "snr_total": 6.874017935251831,
  "snr_wm": 0.9032955119478413,
  "snrd_csf": 63.95833829670923,
  "snrd_gm": 42.912971394669924,
  "snrd_total": 52.898683357956486,
  "snrd_wm": 51.82474038249028,
  "spacing_x": 1.0,
  "spacing_y": 1.0,
  "spacing_z": 1.0,
  "summary_bg_k": 43.91802835449971,
  "summary_bg_mad": 12.673870220721057,
  "summary_bg_mean": 11.34260775582682,
  "summary_bg_median": 8.548395559191704,
  "summary_bg_n": 3811756.0,
  "summary_bg_p05": 0.0,
  "summary_bg_p95": 32.40815784782171,
  "summary_bg_stdv": 13.43263350605318,
  "summary_csf_k": 0.6793074935113066,
  "summary_csf_mad": 123.8509849417298,
  "summary_csf_mean": 1249.8053097808752,
  "summary_csf_median": 1237.2991015389562,
  "summary_csf_n": 8407.0,
  "summary_csf_p05": 1053.108229123056,
  "summary_csf_p95": 1492.2252420186996,
  "summary_csf_stdv": 134.33910709500063,
  "summary_gm_k": -0.10157052512037401,
  "summary_gm_mad": 80.9362978019465,
  "summary_gm_mean": 832.068724355358,
  "summary_gm_median": 830.1682370901108,
  "summary_gm_n": 278232.0,
  "summary_gm_p05": 705.2967374026775,
  "summary_gm_p95": 962.8847833350301,
  "summary_gm_stdv": 78.99549824842329,
  "summary_wm_k": -1.4904904801942154,
  "summary_wm_mad": 1361.5987978584149,
  "summary_wm_mean": 1238.8235703808327,
  "summary_wm_median": 1002.5698981620371,
  "summary_wm_n": 47200.0,
  "summary_wm_p05": 41.335279792547226,
  "summary_wm_p95": 3048.2090710420157,
  "summary_wm_stdv": 1109.8906884858275,
  "tpm_overlap_csf": 0.11017388532404888,
  "tpm_overlap_gm": 0.3598851339653171,
  "tpm_overlap_wm": 0.03748691287145312,
  "wm2max": 0.33612780173804846
}