{
  "bids_meta": {
    "AcquisitionMatrixPE": 256,
    "AcquisitionNumber": 1,
    "AcquisitionTime": "11:27:46.000000",
    "BodyPartExamined": "BRAIN",
    "CoilString": "32Ch Head",
    "ConversionSoftware": "dcm2niix",
    "ConversionSoftwareVersion": "v1.0.20211006",
    "Dcm2bidsVersion": "2.1.6",
    "DeviceSerialNumber": "000301496mr3T5mr",
    "EchoTime": 0.00292,
    "FlipAngle": 8,
    "ImageOrientationPatientDICOM": [
      0,
      1,
      0,
      0,
      0,
      -1
    ],
    "ImageType": [
      "ORIGINAL",
      "PRIMARY",
      "OTHER"
    ],
    "ImagingFrequency": 127.824,
    "InPlanePhaseEncodingDirectionDICOM": "ROW",
    "InstitutionName": "NIH FMRIF",
    "InversionTime": 1.06,
    "MRAcquisitionType": "3D",
    "MagneticFieldStrength": 3,
    "Manufacturer": "GE",
    "ManufacturersModelName": "DISCOVERY MR750",
    "Modality": "MR",
    "ParallelReductionFactorInPlane": 2,
    "ParallelReductionOutOfPlane": 2,
    "PatientPosition": "HFS",
    "PercentPhaseFOV": 100,
    "PercentSampling": 100,
    "PixelBandwidth": 244.141,
    "ProcedureStepDescription": "MRI Brain",
    "ProtocolName": "ADNI3 FMRIF Enhanced Pro",
    "ReconMatrixPE": 256,
    "RepetitionTime": 0.006952,
    "SAR": 0.123577,
    "ScanOptions": "EDR_GEMS\\PROMO_GEMS\\FILTERED_GEMS\\ACC_GEMS\\IR_GEMS",
    "ScanningSequence": "RM",
    "SequenceVariant": "NONE",
    "SeriesDescription": "Anat T1w MP-RAGE 1mm (ABCD)",
    "SeriesNumber": 3,
    "SliceThickness": 1,
    "SoftwareVersions": "27\\LX\\MR Software release:DV26.0_R03_1831.b",
    "SpacingBetweenSlices": 1,
    "StationName": "FMRI3ta",
    "acq_id": "MPRAGE",
    "dataset": "ds004215",
    "modality": "T1w",
    "rec_id": "SCIC",
    "session_id": "01",
    "subject_id": "ON87092"
  },
  "cjv": 0.3849631319329236,
  "cnr": 3.339169421977731,
  "efc": 0.6342389176557878,
  "fber": 17020.322099480152,
  "fwhm_avg": 3.4563566666666667,
  "fwhm_x": 3.39816,
  "fwhm_y": 3.64778,
  "fwhm_z": 3.32313,
  "icvs_csf": 0.2253276800224114,
  "icvs_gm": 0.4093054257893517,
  "icvs_wm": 0.3653668941882369,
  "inu_med": 0.48790067434310913,
  "inu_range": 0.10074954032897943,
  "provenance": {
    "md5sum": "b0bbe26c357db5fe5579b69253fb4994",
    "settings": {
      "testing": false
    },
    "software": "mriqc",
    "version": "22.0.6",
    "warnings": {
      "large_rot_frame": true,
      "small_air_mask": false
    },
    "webapi_port": null,
    "webapi_url": "https://mriqc.nimh.nih.gov/api/v1"
  },
  "qi_1": 0.010631670179894382,
  "qi_2": 0.0016690633092692891,
  "rpve_csf": 25.824751274147772,
  "rpve_gm": 14.409992143632381,
  "rpve_wm": 19.37606606683878,
  "size_x": 208,
  "size_y": 256,
  "size_z": 256,
  "snr_csf": 1.8067875731396692,
  "snr_gm": 8.113935565668045,
  "snr_total": 10.118654513656836,
  "snr_wm": 20.435240402162794,
  "snrd_csf": 21.336207936527195,
  "snrd_gm": 72.5887584509062,
  "snrd_total": 67.50369229751543,
  "snrd_wm": 108.5861105051129,
  "spacing_x": 1.0,
  "spacing_y": 1.0,
  "spacing_z": 1.0,
  "summary_bg_k": 47.760916191849134,
  "summary_bg_mad": 6.0331724884328155,
  "summary_bg_mean": 11.695330337876182,
  "summary_bg_median": 4.069313004612923,
  "summary_bg_n": 1376528.0,
  "summary_bg_p05": 0.0,
  "summary_bg_p95": 45.89430494606495,
  "summary_bg_stdv": 25.964379892220983,
  "summary_csf_k": 0.7642365121892434,
  "summary_csf_mad": 95.41202584356003,
  "summary_csf_mean": 218.32835040456564,
  "summary_csf_median": 196.48583520948887,
  "summary_csf_n": 31935.0,
  "summary_csf_p05": 77.23609980940819,
  "summary_csf_p95": 435.94199880212534,
  "summary_csf_stdv": 108.74701695229466,
  "summary_gm_k": 0.023379403087885997,
  "summary_gm_mad": 80.46893636889862,
  "summary_gm_mean": 667.7625229362811,
  "summary_gm_median": 668.4722455590963,
  "summary_gm_n": 27583.0,
  "summary_gm_p05": 530.8162798136473,
  "summary_gm_p95": 804.5085708305239,
  "summary_gm_stdv": 82.38420462809334,
  "summary_wm_k": 0.3977662863263913,
  "summary_wm_mad": 47.1466459360975,
  "summary_wm_mean": 999.6501119602805,
  "summary_wm_median": 999.9730354249477,
  "summary_wm_n": 223395.0,
  "summary_wm_p05": 919.0179608166218,
  "summary_wm_p95": 1078.968910990655,
  "summary_wm_stdv": 48.933644900453345,
  "tpm_overlap_csf": 0.15452235947916584,
  "tpm_overlap_gm": 0.45892089710751693,
  "tpm_overlap_wm": 0.5250597374529011,
  "wm2max": 0.6766599193974872
}