{
  "aor": 0.0013974371859296483,
  "aqi": 0.0023698824371859296,
  "bids_meta": {
    "AcquisitionMatrixPE": 64,
    "AcquisitionNumber": 1,
    "AcquisitionTime": "15:56:6.000000",
    "BodyPartExamined": "BRAIN",
    "CoilString": "32Ch Head",
    "ConversionSoftware": "dcm2niix",
    "ConversionSoftwareVersion": "v1.0.20211006",
    "Dcm2bidsVersion": "2.1.6",
    "DeviceSerialNumber": "000301496MR3T6MR",
    "EchoTime": 0.0169,
    "EffectiveEchoSpacing": 0.000416,
    "FlipAngle": 90,
    "ImageOrientationPatientDICOM": [
      1,
      0,
      0,
      0,
      1,
      0
    ],
    "ImageType": [
      "ORIGINAL",
      "PRIMARY",
      "OTHER"
    ],
    "ImagingFrequency": 127.697,
    "InPlanePhaseEncodingDirectionDICOM": "COL",
    "InstitutionName": "NIH FMRIF",
    "InternalPulseSequenceName": "EPI",
    "MRAcquisitionType": "2D",
    "MagneticFieldStrength": 3,
    "Manufacturer": "GE",
    "ManufacturersModelName": "DISCOVERY MR750",
    "Modality": "MR",
    "PatientPosition": "HFS",
    "PercentPhaseFOV": 100,
    "PercentSampling": 100,
    "PhaseEncodingDirection": "j",
    "PhaseEncodingPolarityGE": "Flipped",
    "PixelBandwidth": 7812.5,
    "ProcedureStepDescription": "MRI Brain",
    "ProtocolName": "ADNI3 FMRIF Enhanced Pro",
    "PulseSequenceName": "epi",
    "ReconMatrixPE": 64,
    "RepetitionTime": 3,
    "SAR": 0.149507,
    "ScanOptions": "MP_GEMS\\EPI_GEMS\\PFF",
    "ScanningSequence": "EP\\GR",
    "SequenceVariant": "SS",
    "SeriesDescription": "Axial rsfMRI with Eyes Open - RKV",
    "SeriesNumber": 10,
    "SliceThickness": 3.4,
    "SliceTiming": [
      0,
      1.5,
      0.0625,
      1.5625,
      0.125,
      1.625,
      0.1875,
      1.6875,
      0.25,
      1.75,
      0.3125,
      1.8125,
      0.375,
      1.875,
      0.4375,
      1.9375,
      0.5,
      2,
      0.5625,
      2.0625,
      0.625,
      2.125,
      0.6875,
      2.1875,
      0.75,
      2.25,
      0.8125,
      2.3125,
      0.875,
      2.375,
      0.9375,
      2.4375,
      1,
      2.5,
      1.0625,
      2.5625,
      1.125,
      2.625,
      1.1875,
      2.6875,
      1.25,
      2.75,
      1.3125,
      2.8125,
      1.375,
      2.875,
      1.4375,
      2.9375
    ],
    "SoftwareVersions": "27\\LX\\MR Software release:DV26.0_R01_1725.a",
    "SpacingBetweenSlices": 3.4,
    "StationName": "fmrif3tb",
    "TaskName": "Resting state with eyes open.",
    "TotalReadoutTime": 0.026208,
    "TriggerDelayTime": 599938,
    "dataset": "ds004215",
    "modality": "bold",
    "session_id": "01",
    "subject_id": "ON93426",
    "task_id": "rest"
  },
  "dummy_trs": 1,
  "dvars_nstd": 12.259652335404041,
  "dvars_std": 1.182706032727273,
  "dvars_vstd": 0.9661164603535357,
  "efc": 0.44948746688967084,
  "fber": 5149.44921875,
  "fd_mean": 0.10685978384440226,
  "fd_num": 16,
  "fd_perc": 8.040201005025125,
  "fwhm_avg": 2.5879973899804702,
  "fwhm_x": 2.5130647272727273,
  "fwhm_y": 2.361154909090909,
  "fwhm_z": 2.8897725335777733,
  "gcor": 0.0265059,
  "gsr_x": 0.012716147117316723,
  "gsr_y": 0.018659669905900955,
  "provenance": {
    "md5sum": "2c04a9ca573ea7d38c3eb9f068fe1a98",
    "settings": {
      "fd_thres": 0.2,
      "testing": false
    },
    "software": "mriqc",
    "version": "22.0.6",
    "webapi_port": null,
    "webapi_url": "https://mriqc.nimh.nih.gov/api/v1"
  },
  "size_t": 199,
  "size_x": 64,
  "size_y": 64,
  "size_z": 48,
  "snr": 4.200573013119814,
  "spacing_tr": 3.0,
  "spacing_x": 3.4375,
  "spacing_y": 3.4375,
  "spacing_z": 3.3999977111816406,
  "summary_bg_k": 41.17878550311771,
  "summary_bg_mad": 13.246566470029771,
  "summary_bg_mean": 135.87051391601562,
  "summary_bg_median": 36.21607971191406,
  "summary_bg_n": 136657.0,
  "summary_bg_p05": 24.236181259155273,
  "summary_bg_p95": 665.2783569335936,
  "summary_bg_stdv": 269.83905029296875,
  "summary_fg_k": 1.1031369785430378,
  "summary_fg_mad": 526.9087204760085,
  "summary_fg_mean": 2641.688720703125,
  "summary_fg_median": 2533.34912109375,
  "summary_fg_n": 24680.0,
  "summary_fg_p05": 1806.3361694335938,
  "summary_fg_p95": 3763.833068847656,
  "summary_fg_stdv": 603.0838623046875,
  "tsnr": 118.53670859057456
}