{
  "bids_meta": {
    "AcquisitionMatrixPE": 256,
    "AcquisitionNumber": 1,
    "AcquisitionTime": "14:26:23.000000",
    "BodyPartExamined": "BRAIN",
    "CoilString": "32Ch Head",
    "ConversionSoftware": "dcm2niix",
    "ConversionSoftwareVersion": "v1.0.20211006",
    "Dcm2bidsVersion": "2.1.6",
    "DeviceSerialNumber": "000301496MR3T6MR",
    "EchoTime": 0.065685,
    "EchoTrainLength": 140,
    "FlipAngle": 90,
    "ImageOrientationPatientDICOM": [
      0,
      1,
      0,
      0,
      0,
      -1
    ],
    "ImageType": [
      "ORIGINAL",
      "PRIMARY",
      "OTHER"
    ],
    "ImagingFrequency": 127.696,
    "InPlanePhaseEncodingDirectionDICOM": "ROW",
    "InstitutionName": "NIH FMRIF",
    "MRAcquisitionType": "3D",
    "MagneticFieldStrength": 3,
    "Manufacturer": "GE",
    "ManufacturersModelName": "DISCOVERY MR750",
    "Modality": "MR",
    "ParallelReductionFactorInPlane": 2,
    "ParallelReductionOutOfPlane": 1.5,
    "PatientPosition": "HFS",
    "PercentPhaseFOV": 100,
    "PercentSampling": 100,
    "PhaseEncodingAxis": "i",
    "PixelBandwidth": 244.141,
    "ProcedureStepDescription": "MRI Brain",
    "ProtocolName": "ADNI3 FMRIF Enhanced Pro",
    "ReconMatrixPE": 256,
    "RepetitionTime": 3.202,
    "SAR": 0.4551,
    "ScanOptions": "SAT_GEMS\\EDR_GEMS\\PROMO_GEMS\\ACC_GEMS\\FS\\FR_GEMS",
    "ScanningSequence": "RM",
    "SequenceVariant": "NONE",
    "SeriesDescription": "ORIG Anat T2w CUBE (ABCD)",
    "SeriesNumber": 40004,
    "SliceThickness": 1,
    "SoftwareVersions": "27\\LX\\MR Software release:DV26.0_R03_1831.b",
    "SpacingBetweenSlices": 1,
    "StationName": "FMRI3tb",
    "acq_id": "CUBE",
    "dataset": "ds004215",
    "modality": "T2w",
    "session_id": "01",
    "subject_id": "ON95742"
  },
  "cjv": 1.5895320949826317,
  "cnr": 0.846777970443153,
  "efc": 0.3879679173360433,
  "fber": 10488.541418991008,
  "fwhm_avg": 2.2944633333333333,
  "fwhm_x": 1.93217,
  "fwhm_y": 2.5129,
  "fwhm_z": 2.43832,
  "icvs_csf": 0.2763082183418375,
  "icvs_gm": 0.5190404975410375,
  "icvs_wm": 0.20465128411712497,
  "inu_med": 0.8624778091907501,
  "inu_range": 0.4582305312156676,
  "provenance": {
    "md5sum": "6e2509b2a5b01754507912e046feb5c6",
    "settings": {
      "testing": false
    },
    "software": "mriqc",
    "version": "22.0.6",
    "warnings": {
      "large_rot_frame": true,
      "small_air_mask": false
    },
    "webapi_port": null,
    "webapi_url": "https://mriqc.nimh.nih.gov/api/v1"
  },
  "qi_1": 2.447859470408972e-05,
  "qi_2": 0.018396342203909597,
  "rpve_csf": 20.040710202536438,
  "rpve_gm": 13.265285422772083,
  "rpve_wm": 33.733605396051125,
  "size_x": 204,
  "size_y": 256,
  "size_z": 256,
  "snr_csf": 11.404463604738112,
  "snr_gm": 12.703602560965422,
  "snr_total": 8.604843725628983,
  "snr_wm": 1.7064650111834145,
  "snrd_csf": 67.19694758209947,
  "snrd_gm": 48.397352058443886,
  "snrd_total": 70.62713263264448,
  "snrd_wm": 96.28709825739007,
  "spacing_x": 1.0,
  "spacing_y": 1.0,
  "spacing_z": 1.0,
  "summary_bg_k": 2.3700759868750927,
  "summary_bg_mad": 6.810616250625742,
  "summary_bg_mean": 5.178459357377317,
  "summary_bg_median": 4.593690853565931,
  "summary_bg_n": 4202414.0,
  "summary_bg_p05": 0.0,
  "summary_bg_p95": 15.380142161622643,
  "summary_bg_stdv": 5.4565863644075465,
  "summary_csf_k": 0.504009450408009,
  "summary_csf_mad": 58.01955362874841,
  "summary_csf_mean": 702.3947023430601,
  "summary_csf_median": 698.5608236622065,
  "summary_csf_n": 17205.0,
  "summary_csf_p05": 608.6349641047418,
  "summary_csf_p95": 808.6582193855196,
  "summary_csf_stdv": 61.25150173461799,
  "summary_gm_k": 0.05363843475194008,
  "summary_gm_mad": 39.52743735331522,
  "summary_gm_mean": 503.00881771343984,
  "summary_gm_median": 503.12544443644583,
  "summary_gm_n": 205956.0,
  "summary_gm_p05": 437.5345168057829,
  "summary_gm_p95": 567.2335984371603,
  "summary_gm_stdv": 39.60484599398352,
  "summary_wm_k": -1.6418297254213954,
  "summary_wm_mad": 751.8187552866385,
  "summary_wm_mean": 778.8200584309129,
  "summary_wm_median": 1000.9739591898397,
  "summary_wm_n": 52696.0,
  "summary_wm_p05": 27.67844109237194,
  "summary_wm_p95": 1583.1225159047171,
  "summary_wm_stdv": 586.5719220478518,
  "tpm_overlap_csf": 0.09852309208559676,
  "tpm_overlap_gm": 0.32715352672995585,
  "tpm_overlap_wm": 0.044327355199308874,
  "wm2max": 0.6401372180800625
}