{
  "bids_meta": {
    "AcquisitionMatrixPE": 256,
    "AcquisitionNumber": 1,
    "AcquisitionTime": "14:19:32.000000",
    "BodyPartExamined": "BRAIN",
    "CoilString": "32Ch Head",
    "ConversionSoftware": "dcm2niix",
    "ConversionSoftwareVersion": "v1.0.20211006",
    "Dcm2bidsVersion": "2.1.6",
    "DeviceSerialNumber": "000301496MR3T6MR",
    "EchoTime": 0.00292,
    "FlipAngle": 8,
    "ImageOrientationPatientDICOM": [
      0,
      1,
      0,
      0,
      0,
      -1
    ],
    "ImageType": [
      "ORIGINAL",
      "PRIMARY",
      "OTHER"
    ],
    "ImagingFrequency": 127.696,
    "InPlanePhaseEncodingDirectionDICOM": "ROW",
    "InstitutionName": "NIH FMRIF",
    "InversionTime": 1.06,
    "MRAcquisitionType": "3D",
    "MagneticFieldStrength": 3,
    "Manufacturer": "GE",
    "ManufacturersModelName": "DISCOVERY MR750",
    "Modality": "MR",
    "ParallelReductionFactorInPlane": 2,
    "ParallelReductionOutOfPlane": 2,
    "PatientPosition": "HFS",
    "PercentPhaseFOV": 100,
    "PercentSampling": 100,
    "PixelBandwidth": 244.141,
    "ProcedureStepDescription": "MRI Brain",
    "ProtocolName": "ADNI3 FMRIF Enhanced Pro",
    "ReconMatrixPE": 256,
    "RepetitionTime": 0.006952,
    "SAR": 0.0968131,
    "ScanOptions": "EDR_GEMS\\PROMO_GEMS\\ACC_GEMS\\IR_GEMS",
    "ScanningSequence": "RM",
    "SequenceVariant": "NONE",
    "SeriesDescription": "ORIG Anat T1w MP-RAGE 1mm (ABCD)",
    "SeriesNumber": 40003,
    "SliceThickness": 1,
    "SoftwareVersions": "27\\LX\\MR Software release:DV26.0_R03_1831.b",
    "SpacingBetweenSlices": 1,
    "StationName": "FMRI3tb",
    "acq_id": "MPRAGE",
    "dataset": "ds004215",
    "modality": "T1w",
    "session_id": "01",
    "subject_id": "ON95742"
  },
  "cjv": 0.3939900819817075,
  "cnr": 3.4209357135893175,
  "efc": 0.4248768454293623,
  "fber": 6424.239123447772,
  "fwhm_avg": 3.677466666666666,
  "fwhm_x": 3.63698,
  "fwhm_y": 3.77177,
  "fwhm_z": 3.62365,
  "icvs_csf": 0.21945937411132074,
  "icvs_gm": 0.4179546909679998,
  "icvs_wm": 0.3625859349206794,
  "inu_med": 0.8674213886260986,
  "inu_range": 0.4950010299682618,
  "provenance": {
    "md5sum": "6b926c7bf15ad64ab1507bb54ceac6ea",
    "settings": {
      "testing": false
    },
    "software": "mriqc",
    "version": "22.0.6",
    "warnings": {
      "large_rot_frame": true,
      "small_air_mask": false
    },
    "webapi_port": null,
    "webapi_url": "https://mriqc.nimh.nih.gov/api/v1"
  },
  "qi_1": 0.0,
  "qi_2": 0.0014574144533695671,
  "rpve_csf": 27.320644302342,
  "rpve_gm": 14.66225510958482,
  "rpve_wm": 20.03971540814712,
  "size_x": 208,
  "size_y": 256,
  "size_z": 256,
  "snr_csf": 1.1591076812651457,
  "snr_gm": 7.712611725091004,
  "snr_total": 9.119010385668364,
  "snr_wm": 18.485311750648943,
  "snrd_csf": 6.933297938772047,
  "snrd_gm": 33.239903641107404,
  "snrd_total": 30.348599518468394,
  "snrd_wm": 50.87259697552574,
  "spacing_x": 1.0,
  "spacing_y": 1.0,
  "spacing_z": 1.0,
  "summary_bg_k": 1.906932820112421,
  "summary_bg_mad": 12.878549672152392,
  "summary_bg_mean": 13.058107210207748,
  "summary_bg_median": 8.686449751257896,
  "summary_bg_n": 4415382.0,
  "summary_bg_p05": 0.0,
  "summary_bg_p95": 37.47960552573204,
  "summary_bg_stdv": 12.738242690512935,
  "summary_csf_k": 0.838635380621024,
  "summary_csf_mad": 94.92210215210798,
  "summary_csf_mean": 171.48683720337547,
  "summary_csf_median": 136.29348315298557,
  "summary_csf_n": 26189.0,
  "summary_csf_p05": 36.1567959189415,
  "summary_csf_p95": 411.94054901599856,
  "summary_csf_stdv": 117.58258807001013,
  "summary_gm_k": -0.07166141026091033,
  "summary_gm_mad": 85.18147321225668,
  "summary_gm_mean": 651.8809054105035,
  "summary_gm_median": 653.4238521009684,
  "summary_gm_n": 21968.0,
  "summary_gm_p05": 509.2530377395451,
  "summary_gm_p95": 789.4373405538498,
  "summary_gm_stdv": 84.71954806588681,
  "summary_wm_k": 0.71398665980059,
  "summary_wm_mad": 51.383451991430356,
  "summary_wm_mean": 1000.6961633420732,
  "summary_wm_median": 1000.0440627336502,
  "summary_wm_n": 205398.0,
  "summary_wm_p05": 914.0173446387053,
  "summary_wm_p95": 1089.465992152691,
  "summary_wm_stdv": 54.09925684861814,
  "tpm_overlap_csf": 0.14808043591174097,
  "tpm_overlap_gm": 0.4609380133241459,
  "tpm_overlap_wm": 0.5163014714260299,
  "wm2max": 0.5045801943396833
}