{
  "bids_meta": {
    "AcquisitionMatrixPE": 256,
    "AcquisitionNumber": 1,
    "AcquisitionTime": "14:26:23.000000",
    "BodyPartExamined": "BRAIN",
    "CoilString": "32Ch Head",
    "ConversionSoftware": "dcm2niix",
    "ConversionSoftwareVersion": "v1.0.20211006",
    "Dcm2bidsVersion": "2.1.6",
    "DeviceSerialNumber": "000301496MR3T6MR",
    "EchoTime": 0.065685,
    "EchoTrainLength": 140,
    "FlipAngle": 90,
    "ImageOrientationPatientDICOM": [
      0,
      1,
      0,
      0,
      0,
      -1
    ],
    "ImageType": [
      "ORIGINAL",
      "PRIMARY",
      "OTHER"
    ],
    "ImagingFrequency": 127.696,
    "InPlanePhaseEncodingDirectionDICOM": "ROW",
    "InstitutionName": "NIH FMRIF",
    "MRAcquisitionType": "3D",
    "MagneticFieldStrength": 3,
    "Manufacturer": "GE",
    "ManufacturersModelName": "DISCOVERY MR750",
    "Modality": "MR",
    "ParallelReductionFactorInPlane": 2,
    "ParallelReductionOutOfPlane": 1.5,
    "PatientPosition": "HFS",
    "PercentPhaseFOV": 100,
    "PercentSampling": 100,
    "PhaseEncodingAxis": "i",
    "PixelBandwidth": 244.141,
    "ProcedureStepDescription": "MRI Brain",
    "ProtocolName": "ADNI3 FMRIF Enhanced Pro",
    "ReconMatrixPE": 256,
    "RepetitionTime": 3.202,
    "SAR": 0.4551,
    "ScanOptions": "SAT_GEMS\\EDR_GEMS\\PROMO_GEMS\\FILTERED_GEMS\\ACC_GEMS\\FS\\FR_GEMS",
    "ScanningSequence": "RM",
    "SequenceVariant": "NONE",
    "SeriesDescription": "Anat T2w CUBE (ABCD)",
    "SeriesNumber": 4,
    "SliceThickness": 1,
    "SoftwareVersions": "27\\LX\\MR Software release:DV26.0_R03_1831.b",
    "SpacingBetweenSlices": 1,
    "StationName": "FMRI3tb",
    "acq_id": "CUBE",
    "dataset": "ds004215",
    "modality": "T2w",
    "rec_id": "SCIC",
    "session_id": "01",
    "subject_id": "ON95742"
  },
  "cjv": 1.013674287642014,
  "cnr": 0.9479384284958764,
  "efc": 0.4379629259195216,
  "fber": 9636.694444444445,
  "fwhm_avg": 2.1706566666666665,
  "fwhm_x": 1.81582,
  "fwhm_y": 2.44218,
  "fwhm_z": 2.25397,
  "icvs_csf": 0.2881751232516613,
  "icvs_gm": 0.5026316153218207,
  "icvs_wm": 0.2091932614265181,
  "inu_med": 0.7942571640014648,
  "inu_range": 0.1532751083374022,
  "provenance": {
    "md5sum": "ad6cc20630ac70dc630d699513a1dd82",
    "settings": {
      "testing": false
    },
    "software": "mriqc",
    "version": "22.0.6",
    "warnings": {
      "large_rot_frame": true,
      "small_air_mask": false
    },
    "webapi_port": null,
    "webapi_url": "https://mriqc.nimh.nih.gov/api/v1"
  },
  "qi_1": 0.0,
  "qi_2": 0.02208678498696532,
  "rpve_csf": 19.263946047806698,
  "rpve_gm": 13.492459119362184,
  "rpve_wm": 32.95358700891037,
  "size_x": 204,
  "size_y": 256,
  "size_z": 256,
  "snr_csf": 11.837945854551709,
  "snr_gm": 13.20173451201105,
  "snr_total": 8.950359251735412,
  "snr_wm": 1.811397388643477,
  "snrd_csf": 67.47823483694934,
  "snrd_gm": 49.15376566350605,
  "snrd_total": 73.33052439107823,
  "snrd_wm": 103.35957267277931,
  "spacing_x": 1.0,
  "spacing_y": 1.0,
  "spacing_z": 1.0,
  "summary_bg_k": 4.236039826651197,
  "summary_bg_mad": 6.346671891340124,
  "summary_bg_mean": 4.064767283267658,
  "summary_bg_median": 4.545554734766483,
  "summary_bg_n": 3180821.0,
  "summary_bg_p05": 0.0,
  "summary_bg_p95": 9.554491262882948,
  "summary_bg_stdv": 3.7529845661427865,
  "summary_csf_k": 0.32110471141378927,
  "summary_csf_mad": 53.94671107639106,
  "summary_csf_mean": 655.8281046032724,
  "summary_csf_median": 653.6993156187236,
  "summary_csf_n": 15683.0,
  "summary_csf_p05": 569.1012462127953,
  "summary_csf_p95": 748.8205648936331,
  "summary_csf_stdv": 55.21891063717799,
  "summary_gm_k": 0.12838268009495124,
  "summary_gm_mad": 35.757280295024515,
  "summary_gm_mean": 475.6188019643401,
  "summary_gm_median": 476.1799571663141,
  "summary_gm_n": 182982.0,
  "summary_gm_p05": 415.7637976333499,
  "summary_gm_p95": 533.4848389439285,
  "summary_gm_stdv": 36.069400999178335,
  "summary_wm_k": -1.7404783991740056,
  "summary_wm_mad": 496.5452884884557,
  "summary_wm_mean": 761.5369647442162,
  "summary_wm_median": 1001.3018580302596,
  "summary_wm_n": 56379.0,
  "summary_wm_p05": 27.53591142483056,
  "summary_wm_p95": 1349.8973614275455,
  "summary_wm_stdv": 552.7737779531594,
  "tpm_overlap_csf": 0.09656322888298506,
  "tpm_overlap_gm": 0.31756010555812214,
  "tpm_overlap_wm": 0.046115663232484644,
  "wm2max": 0.7386824241832299
}