{
  "aor": 0.00227859296482412,
  "aqi": 0.0024392461105527644,
  "bids_meta": {
    "AcquisitionMatrixPE": 64,
    "AcquisitionNumber": 1,
    "AcquisitionTime": "09:51:38.000000",
    "BodyPartExamined": "BRAIN",
    "CoilString": "32Ch Head",
    "ConversionSoftware": "dcm2niix",
    "ConversionSoftwareVersion": "v1.0.20211006",
    "Dcm2bidsVersion": "2.1.6",
    "DeviceSerialNumber": "000301496mr3T5mr",
    "EchoTime": 0.0169,
    "EffectiveEchoSpacing": 0.000416,
    "FlipAngle": 90,
    "ImageOrientationPatientDICOM": [
      1,
      0,
      0,
      0,
      1,
      0
    ],
    "ImageType": [
      "ORIGINAL",
      "PRIMARY",
      "OTHER"
    ],
    "ImagingFrequency": 127.824,
    "InPlanePhaseEncodingDirectionDICOM": "COL",
    "InstitutionName": "NIH FMRIF",
    "InternalPulseSequenceName": "EPI",
    "MRAcquisitionType": "2D",
    "MagneticFieldStrength": 3,
    "Manufacturer": "GE",
    "ManufacturersModelName": "DISCOVERY MR750",
    "Modality": "MR",
    "PatientPosition": "HFS",
    "PercentPhaseFOV": 100,
    "PercentSampling": 100,
    "PhaseEncodingDirection": "j",
    "PhaseEncodingPolarityGE": "Flipped",
    "PixelBandwidth": 7812.5,
    "ProcedureStepDescription": "MRI Brain",
    "ProtocolName": "ADNI3 FMRIF Enhanced Pro",
    "PulseSequenceName": "epi",
    "ReconMatrixPE": 64,
    "RepetitionTime": 3,
    "SAR": 0.159388,
    "ScanOptions": "MP_GEMS\\EPI_GEMS\\PFF",
    "ScanningSequence": "EP\\GR",
    "SequenceVariant": "SS",
    "SeriesDescription": "Axial rsfMRI with Eyes Open - RKV",
    "SeriesNumber": 10,
    "SliceThickness": 3.4,
    "SliceTiming": [
      0,
      1.5,
      0.0625,
      1.5625,
      0.125,
      1.625,
      0.1875,
      1.6875,
      0.25,
      1.75,
      0.3125,
      1.8125,
      0.375,
      1.875,
      0.4375,
      1.9375,
      0.5,
      2,
      0.5625,
      2.0625,
      0.625,
      2.125,
      0.6875,
      2.1875,
      0.75,
      2.25,
      0.8125,
      2.3125,
      0.875,
      2.375,
      0.9375,
      2.4375,
      1,
      2.5,
      1.0625,
      2.5625,
      1.125,
      2.625,
      1.1875,
      2.6875,
      1.25,
      2.75,
      1.3125,
      2.8125,
      1.375,
      2.875,
      1.4375,
      2.9375
    ],
    "SoftwareVersions": "27\\LX\\MR Software release:DV26.0_R03_1831.b",
    "SpacingBetweenSlices": 3.4,
    "StationName": "FMRI3ta",
    "TaskName": "Resting state with eyes open.",
    "TotalReadoutTime": 0.026208,
    "TriggerDelayTime": 599938,
    "dataset": "ds004215",
    "modality": "bold",
    "session_id": "01",
    "subject_id": "ON88614",
    "task_id": "rest"
  },
  "dummy_trs": 1,
  "dvars_nstd": 12.706527281010095,
  "dvars_std": 1.2651421265151512,
  "dvars_vstd": 0.9723801896969695,
  "efc": 0.44482301662584395,
  "fber": 5465.69482421875,
  "fd_mean": 0.09059229373346149,
  "fd_num": 12,
  "fd_perc": 6.030150753768845,
  "fwhm_avg": 2.6333989887561677,
  "fwhm_x": 2.6799767272727273,
  "fwhm_y": 2.3687156363636364,
  "fwhm_z": 2.8515046026321396,
  "gcor": 0.0215923,
  "gsr_x": -0.00030350586166605353,
  "gsr_y": 0.0322255939245224,
  "provenance": {
    "md5sum": "0fcee4a94a8980210ab78a8a30aabcb3",
    "settings": {
      "fd_thres": 0.2,
      "testing": false
    },
    "software": "mriqc",
    "version": "22.0.6",
    "webapi_port": null,
    "webapi_url": "https://mriqc.nimh.nih.gov/api/v1"
  },
  "size_t": 199,
  "size_x": 64,
  "size_y": 64,
  "size_z": 48,
  "snr": 4.582141405398273,
  "spacing_tr": 3.0,
  "spacing_x": 3.4375,
  "spacing_y": 3.4375,
  "spacing_z": 3.4000015258789062,
  "summary_bg_k": 28.96212747280241,
  "summary_bg_mad": 8.478399554255125,
  "summary_bg_mean": 112.20568084716797,
  "summary_bg_median": 31.854270935058594,
  "summary_bg_n": 136609.0,
  "summary_bg_p05": 22.889446258544922,
  "summary_bg_p95": 524.2452392578119,
  "summary_bg_stdv": 226.40533447265625,
  "summary_fg_k": 1.6223786424214843,
  "summary_fg_mad": 454.4772134474306,
  "summary_fg_mean": 2409.630126953125,
  "summary_fg_median": 2348.665771484375,
  "summary_fg_n": 24682.0,
  "summary_fg_p05": 1672.8789123535157,
  "summary_fg_p95": 3331.988562011718,
  "summary_fg_stdv": 512.55908203125,
  "tsnr": 122.57570163719356
}