{
  "bids_meta": {
    "AcquisitionMatrixPE": 256,
    "AcquisitionNumber": 1,
    "AcquisitionTime": "15:27:27.000000",
    "BodyPartExamined": "BRAIN",
    "CoilString": "32Ch Head",
    "ConversionSoftware": "dcm2niix",
    "ConversionSoftwareVersion": "v1.0.20211006",
    "Dcm2bidsVersion": "2.1.6",
    "DeviceSerialNumber": "000301496MR3T6MR",
    "EchoTime": 0.065956,
    "EchoTrainLength": 140,
    "FlipAngle": 90,
    "ImageOrientationPatientDICOM": [
      0,
      1,
      0,
      0,
      0,
      -1
    ],
    "ImageType": [
      "ORIGINAL",
      "PRIMARY",
      "OTHER"
    ],
    "ImagingFrequency": 127.697,
    "InPlanePhaseEncodingDirectionDICOM": "ROW",
    "InstitutionName": "NIH FMRIF",
    "MRAcquisitionType": "3D",
    "MagneticFieldStrength": 3,
    "Manufacturer": "GE",
    "ManufacturersModelName": "DISCOVERY MR750",
    "Modality": "MR",
    "ParallelReductionFactorInPlane": 2,
    "ParallelReductionOutOfPlane": 1.5,
    "PatientPosition": "HFS",
    "PercentPhaseFOV": 100,
    "PercentSampling": 100,
    "PhaseEncodingAxis": "i",
    "PixelBandwidth": 244.141,
    "ProcedureStepDescription": "MRI Brain",
    "ProtocolName": "ADNI3 FMRIF Enhanced Pro",
    "ReconMatrixPE": 256,
    "RepetitionTime": 3.202,
    "SAR": 0.4528,
    "ScanOptions": "SAT_GEMS\\EDR_GEMS\\PROMO_GEMS\\ACC_GEMS\\FS\\FR_GEMS",
    "ScanningSequence": "RM",
    "SequenceVariant": "NONE",
    "SeriesDescription": "Sag_CUBE_T2",
    "SeriesNumber": 4,
    "SliceThickness": 1,
    "SoftwareVersions": "27\\LX\\MR Software release:DV26.0_R01_1725.a",
    "SpacingBetweenSlices": 1,
    "StationName": "fmrif3tb",
    "acq_id": "CUBE",
    "dataset": "ds004215",
    "modality": "T2w",
    "session_id": "01",
    "subject_id": "ON01016"
  },
  "cjv": 1.1229490089719887,
  "cnr": 0.9658759261221586,
  "efc": 0.3941055312043177,
  "fber": 11658.426472424557,
  "fwhm_avg": 2.4592333333333336,
  "fwhm_x": 2.05677,
  "fwhm_y": 2.69848,
  "fwhm_z": 2.62245,
  "icvs_csf": 0.26858987296631714,
  "icvs_gm": 0.5292643493843414,
  "icvs_wm": 0.2021457776493415,
  "inu_med": 0.7797051668167114,
  "inu_range": 0.6001357376575469,
  "provenance": {
    "md5sum": "9450a641cdf6ec96a46d71d3a9549b86",
    "settings": {
      "testing": false
    },
    "software": "mriqc",
    "version": "22.0.6",
    "warnings": {
      "large_rot_frame": true,
      "small_air_mask": false
    },
    "webapi_port": null,
    "webapi_url": "https://mriqc.nimh.nih.gov/api/v1"
  },
  "qi_1": 0.0,
  "qi_2": 0.016313164375094287,
  "rpve_csf": 20.29819871115074,
  "rpve_gm": 13.039244392390687,
  "rpve_wm": 35.71243343676459,
  "size_x": 204,
  "size_y": 256,
  "size_z": 256,
  "snr_csf": 11.135660886938847,
  "snr_gm": 10.398593274990901,
  "snr_total": 7.792001814351288,
  "snr_wm": 1.8417512811241155,
  "snrd_csf": 72.99674088111925,
  "snrd_gm": 50.22256114945873,
  "snrd_total": 76.41415905680373,
  "snrd_wm": 106.02317513983319,
  "spacing_x": 1.0,
  "spacing_y": 1.0,
  "spacing_z": 1.0,
  "summary_bg_k": 15.369832600972536,
  "summary_bg_mad": 6.181690542951372,
  "summary_bg_mean": 5.414365850832757,
  "summary_bg_median": 4.169486910104752,
  "summary_bg_n": 3881343.0,
  "summary_bg_p05": 0.0,
  "summary_bg_p95": 17.13821567595005,
  "summary_bg_stdv": 6.249635902584599,
  "summary_csf_k": 0.8313153458194349,
  "summary_csf_mad": 61.054229323565174,
  "summary_csf_mean": 692.080628747247,
  "summary_csf_median": 688.7775778770447,
  "summary_csf_n": 15975.0,
  "summary_csf_p05": 597.078647904098,
  "summary_csf_p95": 795.7113798260689,
  "summary_csf_stdv": 61.851382378557865,
  "summary_gm_k": 0.03966626187008915,
  "summary_gm_mad": 45.84084805227576,
  "summary_gm_mean": 475.6850849372374,
  "summary_gm_median": 473.88655446469784,
  "summary_gm_n": 216172.0,
  "summary_gm_p05": 403.62799257040024,
  "summary_gm_p95": 552.6194631308317,
  "summary_gm_stdv": 45.572073630030296,
  "summary_wm_k": -1.5261058943871204,
  "summary_wm_mad": 545.413767872414,
  "summary_wm_mean": 781.5688183949818,
  "summary_wm_median": 1000.4061125218868,
  "summary_wm_n": 55810.0,
  "summary_wm_p05": 31.541897729039192,
  "summary_wm_p95": 1527.7527993135152,
  "summary_wm_stdv": 543.1771163285787,
  "tpm_overlap_csf": 0.10397525471490576,
  "tpm_overlap_gm": 0.347465966056936,
  "tpm_overlap_wm": 0.04415107740577852,
  "wm2max": 0.6676061936509657
}