{
  "aor": 0.0036334170854271353,
  "aqi": 0.0021377945728643217,
  "bids_meta": {
    "AcquisitionMatrixPE": 64,
    "AcquisitionNumber": 1,
    "AcquisitionTime": "16:31:46.000000",
    "BodyPartExamined": "BRAIN",
    "CoilString": "32Ch Head",
    "ConversionSoftware": "dcm2niix",
    "ConversionSoftwareVersion": "v1.0.20211006",
    "Dcm2bidsVersion": "2.1.6",
    "DeviceSerialNumber": "000301496MR3T6MR",
    "EchoTime": 0.0169,
    "EffectiveEchoSpacing": 0.000416,
    "FlipAngle": 90,
    "ImageOrientationPatientDICOM": [
      1,
      0,
      0,
      0,
      1,
      0
    ],
    "ImageType": [
      "ORIGINAL",
      "PRIMARY",
      "OTHER"
    ],
    "ImagingFrequency": 127.697,
    "InPlanePhaseEncodingDirectionDICOM": "COL",
    "InstitutionName": "NIH FMRIF",
    "InternalPulseSequenceName": "EPI",
    "MRAcquisitionType": "2D",
    "MagneticFieldStrength": 3,
    "Manufacturer": "GE",
    "ManufacturersModelName": "DISCOVERY MR750",
    "Modality": "MR",
    "PatientPosition": "HFS",
    "PercentPhaseFOV": 100,
    "PercentSampling": 100,
    "PhaseEncodingDirection": "j",
    "PhaseEncodingPolarityGE": "Flipped",
    "PixelBandwidth": 7812.5,
    "ProcedureStepDescription": "MRI Brain",
    "ProtocolName": "ADNI3 FMRIF Enhanced Pro",
    "PulseSequenceName": "epi",
    "ReconMatrixPE": 64,
    "RepetitionTime": 3,
    "SAR": 0.206776,
    "ScanOptions": "MP_GEMS\\EPI_GEMS\\PFF",
    "ScanningSequence": "EP\\GR",
    "SequenceVariant": "SS",
    "SeriesDescription": "Axial rsfMRI with Eyes Open - RKV",
    "SeriesNumber": 10,
    "SliceThickness": 3.4,
    "SliceTiming": [
      0,
      1.5,
      0.0625,
      1.5625,
      0.125,
      1.625,
      0.1875,
      1.6875,
      0.25,
      1.75,
      0.3125,
      1.8125,
      0.375,
      1.875,
      0.4375,
      1.9375,
      0.5,
      2,
      0.5625,
      2.0625,
      0.625,
      2.125,
      0.6875,
      2.1875,
      0.75,
      2.25,
      0.8125,
      2.3125,
      0.875,
      2.375,
      0.9375,
      2.4375,
      1,
      2.5,
      1.0625,
      2.5625,
      1.125,
      2.625,
      1.1875,
      2.6875,
      1.25,
      2.75,
      1.3125,
      2.8125,
      1.375,
      2.875,
      1.4375,
      2.9375
    ],
    "SoftwareVersions": "27\\LX\\MR Software release:DV26.0_R03_1831.b",
    "SpacingBetweenSlices": 3.4,
    "StationName": "FMRI3tb",
    "TaskName": "Resting state with eyes open.",
    "TotalReadoutTime": 0.026208,
    "TriggerDelayTime": 599938,
    "dataset": "ds004215",
    "modality": "bold",
    "session_id": "01",
    "subject_id": "ON30080",
    "task_id": "rest"
  },
  "dummy_trs": 1,
  "dvars_nstd": 11.259032702070709,
  "dvars_std": 1.1713029621717175,
  "dvars_vstd": 0.9639926219191922,
  "efc": 0.48684309169016066,
  "fber": 3681.56591796875,
  "fd_mean": 0.0526417197107566,
  "fd_num": 7,
  "fd_perc": 3.5175879396984926,
  "fwhm_avg": 2.552286919678219,
  "fwhm_x": 2.4442530909090907,
  "fwhm_y": 2.4474589090909094,
  "fwhm_z": 2.7651487590346577,
  "gcor": 0.0452762,
  "gsr_x": -0.01131433341652155,
  "gsr_y": 0.06936346739530563,
  "provenance": {
    "md5sum": "fed94adde9329c0f411000dcaca833df",
    "settings": {
      "fd_thres": 0.2,
      "testing": false
    },
    "software": "mriqc",
    "version": "22.0.6",
    "webapi_port": null,
    "webapi_url": "https://mriqc.nimh.nih.gov/api/v1"
  },
  "size_t": 199,
  "size_x": 64,
  "size_y": 64,
  "size_z": 48,
  "snr": 4.074715581409916,
  "spacing_tr": 3.0,
  "spacing_x": 3.4375,
  "spacing_y": 3.4375,
  "spacing_z": 3.4000015258789062,
  "summary_bg_k": 13.923931769345781,
  "summary_bg_mad": 18.931114510534087,
  "summary_bg_mean": 194.61734008789062,
  "summary_bg_median": 42.135677337646484,
  "summary_bg_n": 134349.0,
  "summary_bg_p05": 25.429145812988285,
  "summary_bg_p95": 981.8552734374988,
  "summary_bg_stdv": 355.3069763183594,
  "summary_fg_k": 1.665753919360875,
  "summary_fg_mad": 533.6770746956951,
  "summary_fg_mean": 2572.31494140625,
  "summary_fg_median": 2491.79150390625,
  "summary_fg_n": 25320.0,
  "summary_fg_p05": 1705.1333435058593,
  "summary_fg_p95": 3664.984191894531,
  "summary_fg_stdv": 611.51318359375,
  "tsnr": 112.28099083458073
}