{
  "bids_meta": {
    "AcquisitionMatrixPE": 256,
    "AcquisitionNumber": 1,
    "AcquisitionTime": "10:47:49.000000",
    "BodyPartExamined": "BRAIN",
    "CoilString": "32Ch Head",
    "ConversionSoftware": "dcm2niix",
    "ConversionSoftwareVersion": "v1.0.20211006",
    "Dcm2bidsVersion": "2.1.6",
    "DeviceSerialNumber": "000301496mr3T5mr",
    "EchoTime": 0.066697,
    "EchoTrainLength": 140,
    "FlipAngle": 90,
    "ImageOrientationPatientDICOM": [
      0,
      1,
      0,
      0,
      0,
      -1
    ],
    "ImageType": [
      "ORIGINAL",
      "PRIMARY",
      "OTHER"
    ],
    "ImagingFrequency": 127.824,
    "InPlanePhaseEncodingDirectionDICOM": "ROW",
    "InstitutionName": "NIH FMRIF",
    "MRAcquisitionType": "3D",
    "MagneticFieldStrength": 3,
    "Manufacturer": "GE",
    "ManufacturersModelName": "DISCOVERY MR750",
    "Modality": "MR",
    "ParallelReductionFactorInPlane": 2,
    "ParallelReductionOutOfPlane": 1.5,
    "PatientPosition": "HFS",
    "PercentPhaseFOV": 100,
    "PercentSampling": 100,
    "PhaseEncodingAxis": "i",
    "PixelBandwidth": 244.141,
    "ProcedureStepDescription": "MRI Brain",
    "ProtocolName": "ADNI3 FMRIF Enhanced Pro",
    "ReconMatrixPE": 256,
    "RepetitionTime": 3.202,
    "SAR": 0.4237,
    "ScanOptions": "SAT_GEMS\\EDR_GEMS\\PROMO_GEMS\\FILTERED_GEMS\\ACC_GEMS\\FS\\FR_GEMS",
    "ScanningSequence": "RM",
    "SequenceVariant": "NONE",
    "SeriesDescription": "Anat T2w CUBE (ABCD)",
    "SeriesNumber": 4,
    "SliceThickness": 1,
    "SoftwareVersions": "27\\LX\\MR Software release:DV26.0_R03_1831.b",
    "SpacingBetweenSlices": 1,
    "StationName": "FMRI3ta",
    "acq_id": "CUBE",
    "dataset": "ds004215",
    "modality": "T2w",
    "rec_id": "SCIC",
    "session_id": "01",
    "subject_id": "ON43016"
  },
  "cjv": 0.23658266701816177,
  "cnr": 5.135689173888552,
  "efc": 0.41601164679140396,
  "fber": 2148.703295909605,
  "fwhm_avg": 2.5459766666666668,
  "fwhm_x": 2.17124,
  "fwhm_y": 2.85672,
  "fwhm_z": 2.60997,
  "icvs_csf": 0.22182425126340966,
  "icvs_gm": 0.7112998818891837,
  "icvs_wm": 0.06687586684740665,
  "inu_med": 0.6845170259475708,
  "inu_range": 0.13593257665634162,
  "provenance": {
    "md5sum": "aac444e31f59a065e62ec20dbab3d156",
    "settings": {
      "testing": false
    },
    "software": "mriqc",
    "version": "22.0.6",
    "warnings": {
      "large_rot_frame": true,
      "small_air_mask": false
    },
    "webapi_port": null,
    "webapi_url": "https://mriqc.nimh.nih.gov/api/v1"
  },
  "qi_1": 0.0,
  "qi_2": 0.007065158507464624,
  "rpve_csf": 27.55216190628114,
  "rpve_gm": 11.850410556190809,
  "rpve_wm": 105.82203571173827,
  "size_x": 204,
  "size_y": 256,
  "size_z": 256,
  "snr_csf": 7.217295797113687,
  "snr_gm": 8.894129070907121,
  "snr_total": 5.71637772930142,
  "snr_wm": 1.0377083198834496,
  "snrd_csf": 125.97577595733885,
  "snrd_gm": 42.398979905950036,
  "snrd_total": 57.96718528059602,
  "snrd_wm": 5.526799978499184,
  "spacing_x": 1.0,
  "spacing_y": 1.0,
  "spacing_z": 1.0,
  "summary_bg_k": 124.87573638528731,
  "summary_bg_mad": 118.63155681872051,
  "summary_bg_mean": 121.80294751128386,
  "summary_bg_median": 80.80410182476044,
  "summary_bg_n": 3376955.0,
  "summary_bg_p05": 0.0,
  "summary_bg_p95": 311.3914167881012,
  "summary_bg_stdv": 122.49055903118239,
  "summary_csf_k": 7.15574569311959,
  "summary_csf_mad": 1430.5913846907774,
  "summary_csf_mean": 21671.731049929906,
  "summary_csf_median": 22811.58919465542,
  "summary_csf_n": 52757.0,
  "summary_csf_p05": 14710.288195610046,
  "summary_csf_p95": 24383.603433179855,
  "summary_csf_stdv": 3160.653746220111,
  "summary_gm_k": -0.06653100014889723,
  "summary_gm_mad": 889.4444801876483,
  "summary_gm_mean": 7728.479810720192,
  "summary_gm_median": 7677.572172403336,
  "summary_gm_n": 415099.0,
  "summary_gm_p05": 6403.6265280246735,
  "summary_gm_p95": 9208.120110869408,
  "summary_gm_stdv": 863.2169449429733,
  "summary_wm_k": 5.059298531036809,
  "summary_wm_mad": 690.1668404084184,
  "summary_wm_mean": 1276.7132479684703,
  "summary_wm_median": 1000.7883635759354,
  "summary_wm_n": 15460.0,
  "summary_wm_p05": 326.36973810195923,
  "summary_wm_p95": 3192.8065629065027,
  "summary_wm_stdv": 964.3904523590188,
  "tpm_overlap_csf": 0.1666207689254042,
  "tpm_overlap_gm": 0.4299215124683579,
  "tpm_overlap_wm": 0.020055775121263754,
  "wm2max": 0.041028375670609525
}