{
  "bids_meta": {
    "AcquisitionMatrixPE": 256,
    "AcquisitionNumber": 1,
    "AcquisitionTime": "10:41:17.000000",
    "BodyPartExamined": "BRAIN",
    "CoilString": "32Ch Head",
    "ConversionSoftware": "dcm2niix",
    "ConversionSoftwareVersion": "v1.0.20211006",
    "Dcm2bidsVersion": "2.1.6",
    "DeviceSerialNumber": "000301496mr3T5mr",
    "EchoTime": 0.00292,
    "FlipAngle": 8,
    "ImageOrientationPatientDICOM": [
      0,
      1,
      0,
      0,
      0,
      -1
    ],
    "ImageType": [
      "ORIGINAL",
      "PRIMARY",
      "OTHER"
    ],
    "ImagingFrequency": 127.824,
    "InPlanePhaseEncodingDirectionDICOM": "ROW",
    "InstitutionName": "NIH FMRIF",
    "InversionTime": 1.06,
    "MRAcquisitionType": "3D",
    "MagneticFieldStrength": 3,
    "Manufacturer": "GE",
    "ManufacturersModelName": "DISCOVERY MR750",
    "Modality": "MR",
    "ParallelReductionFactorInPlane": 2,
    "ParallelReductionOutOfPlane": 2,
    "PatientPosition": "HFS",
    "PercentPhaseFOV": 100,
    "PercentSampling": 100,
    "PixelBandwidth": 244.141,
    "ProcedureStepDescription": "MRI Brain",
    "ProtocolName": "ADNI3 FMRIF Enhanced Pro",
    "ReconMatrixPE": 256,
    "RepetitionTime": 0.006952,
    "SAR": 0.120768,
    "ScanOptions": "EDR_GEMS\\PROMO_GEMS\\ACC_GEMS\\IR_GEMS",
    "ScanningSequence": "RM",
    "SequenceVariant": "NONE",
    "SeriesDescription": "ORIG Anat T1w MP-RAGE 1mm (ABCD)",
    "SeriesNumber": 40003,
    "SliceThickness": 1,
    "SoftwareVersions": "27\\LX\\MR Software release:DV26.0_R03_1831.b",
    "SpacingBetweenSlices": 1,
    "StationName": "FMRI3ta",
    "acq_id": "MPRAGE",
    "dataset": "ds004215",
    "modality": "T1w",
    "session_id": "01",
    "subject_id": "ON43016"
  },
  "cjv": 0.40196745752545204,
  "cnr": 3.3345558698958873,
  "efc": 0.41036062830987147,
  "fber": 4203.361111111111,
  "fwhm_avg": 3.735203333333333,
  "fwhm_x": 3.69347,
  "fwhm_y": 3.88673,
  "fwhm_z": 3.62541,
  "icvs_csf": 0.25716626944284743,
  "icvs_gm": 0.3937465282548555,
  "icvs_wm": 0.34908720230229706,
  "inu_med": 0.8945671916007996,
  "inu_range": 0.49148145914077757,
  "provenance": {
    "md5sum": "a956f97d4e13b018f177cea94e6acede",
    "settings": {
      "testing": false
    },
    "software": "mriqc",
    "version": "22.0.6",
    "warnings": {
      "large_rot_frame": true,
      "small_air_mask": false
    },
    "webapi_port": null,
    "webapi_url": "https://mriqc.nimh.nih.gov/api/v1"
  },
  "qi_1": 1.3868626434678356e-05,
  "qi_2": 0.0015681817797557887,
  "rpve_csf": 27.930311880800648,
  "rpve_gm": 17.177065855304196,
  "rpve_wm": 22.84802967739979,
  "size_x": 208,
  "size_y": 256,
  "size_z": 256,
  "snr_csf": 1.28756312839008,
  "snr_gm": 7.293444054797433,
  "snr_total": 8.726252215252188,
  "snr_wm": 17.597749462569052,
  "snrd_csf": 5.178119416919151,
  "snrd_gm": 31.381976129701926,
  "snrd_total": 28.368321693412707,
  "snrd_wm": 48.54486953361704,
  "spacing_x": 1.0,
  "spacing_y": 1.0,
  "spacing_z": 1.0,
  "summary_bg_k": 2.2908578982550454,
  "summary_bg_mad": 13.496058552999443,
  "summary_bg_mean": 12.680874999302313,
  "summary_bg_median": 9.102953162044287,
  "summary_bg_n": 4569345.0,
  "summary_bg_p05": 0.0,
  "summary_bg_p95": 36.66823386400938,
  "summary_bg_stdv": 12.514508622196102,
  "summary_csf_k": 4.512119938889236,
  "summary_csf_mad": 55.124746202392096,
  "summary_csf_mean": 126.20165093973633,
  "summary_csf_median": 106.6712257862091,
  "summary_csf_n": 56566.0,
  "summary_csf_p05": 35.599812131375074,
  "summary_csf_p95": 307.577248390764,
  "summary_csf_stdv": 82.8466430408743,
  "summary_gm_k": 6.994952763861306e-05,
  "summary_gm_mad": 88.3263174783156,
  "summary_gm_mean": 646.6696088320656,
  "summary_gm_median": 646.4806219823658,
  "summary_gm_n": 15880.0,
  "summary_gm_p05": 501.3868138471618,
  "summary_gm_p95": 793.5809261314571,
  "summary_gm_stdv": 88.63580245787536,
  "summary_wm_k": 0.6695846365679481,
  "summary_wm_mad": 53.79414888026539,
  "summary_wm_mean": 1000.3409959391569,
  "summary_wm_median": 1000.0427417457104,
  "summary_wm_n": 174845.0,
  "summary_wm_p05": 908.0388095051051,
  "summary_wm_p95": 1092.9014113724227,
  "summary_wm_stdv": 56.82771447967231,
  "tpm_overlap_csf": 0.15553490956030658,
  "tpm_overlap_gm": 0.450596329041987,
  "tpm_overlap_wm": 0.5028412539814158,
  "wm2max": 0.4458246803970507
}