{
  "bids_meta": {
    "AcquisitionMatrixPE": 256,
    "AcquisitionNumber": 1,
    "AcquisitionTime": "10:41:17.000000",
    "BodyPartExamined": "BRAIN",
    "CoilString": "32Ch Head",
    "ConversionSoftware": "dcm2niix",
    "ConversionSoftwareVersion": "v1.0.20211006",
    "Dcm2bidsVersion": "2.1.6",
    "DeviceSerialNumber": "000301496mr3T5mr",
    "EchoTime": 0.00292,
    "FlipAngle": 8,
    "ImageOrientationPatientDICOM": [
      0,
      1,
      0,
      0,
      0,
      -1
    ],
    "ImageType": [
      "ORIGINAL",
      "PRIMARY",
      "OTHER"
    ],
    "ImagingFrequency": 127.824,
    "InPlanePhaseEncodingDirectionDICOM": "ROW",
    "InstitutionName": "NIH FMRIF",
    "InversionTime": 1.06,
    "MRAcquisitionType": "3D",
    "MagneticFieldStrength": 3,
    "Manufacturer": "GE",
    "ManufacturersModelName": "DISCOVERY MR750",
    "Modality": "MR",
    "ParallelReductionFactorInPlane": 2,
    "ParallelReductionOutOfPlane": 2,
    "PatientPosition": "HFS",
    "PercentPhaseFOV": 100,
    "PercentSampling": 100,
    "PixelBandwidth": 244.141,
    "ProcedureStepDescription": "MRI Brain",
    "ProtocolName": "ADNI3 FMRIF Enhanced Pro",
    "ReconMatrixPE": 256,
    "RepetitionTime": 0.006952,
    "SAR": 0.120768,
    "ScanOptions": "EDR_GEMS\\PROMO_GEMS\\FILTERED_GEMS\\ACC_GEMS\\IR_GEMS",
    "ScanningSequence": "RM",
    "SequenceVariant": "NONE",
    "SeriesDescription": "Anat T1w MP-RAGE 1mm (ABCD)",
    "SeriesNumber": 3,
    "SliceThickness": 1,
    "SoftwareVersions": "27\\LX\\MR Software release:DV26.0_R03_1831.b",
    "SpacingBetweenSlices": 1,
    "StationName": "FMRI3ta",
    "acq_id": "MPRAGE",
    "dataset": "ds004215",
    "modality": "T1w",
    "rec_id": "SCIC",
    "session_id": "01",
    "subject_id": "ON43016"
  },
  "cjv": 0.38134876986849076,
  "cnr": 3.490150880908853,
  "efc": 0.6442963004080026,
  "fber": 13782.503389172565,
  "fwhm_avg": 3.4687699999999997,
  "fwhm_x": 3.40514,
  "fwhm_y": 3.66534,
  "fwhm_z": 3.33583,
  "icvs_csf": 0.2640616188808799,
  "icvs_gm": 0.3907785433991802,
  "icvs_wm": 0.34515983771993985,
  "inu_med": 0.4893028438091278,
  "inu_range": 0.07483131289482114,
  "provenance": {
    "md5sum": "63dd395f7977b85040dca27d408f1ca4",
    "settings": {
      "testing": false
    },
    "software": "mriqc",
    "version": "22.0.6",
    "warnings": {
      "large_rot_frame": true,
      "small_air_mask": false
    },
    "webapi_port": null,
    "webapi_url": "https://mriqc.nimh.nih.gov/api/v1"
  },
  "qi_1": 0.0,
  "qi_2": 0.0032428788097365116,
  "rpve_csf": 26.913960607131372,
  "rpve_gm": 17.09046813125005,
  "rpve_wm": 22.973452196846377,
  "size_x": 208,
  "size_y": 256,
  "size_z": 256,
  "snr_csf": 2.018172488163767,
  "snr_gm": 8.086753190253662,
  "snr_total": 9.971239707302303,
  "snr_wm": 19.80879344348948,
  "snrd_csf": 7.152082497981876,
  "snrd_gm": 30.7476468434537,
  "snrd_total": 28.13680344205117,
  "snrd_wm": 46.510680984717936,
  "spacing_x": 1.0,
  "spacing_y": 1.0,
  "spacing_z": 1.0,
  "summary_bg_k": 3.3483771277996377,
  "summary_bg_mad": 0.0,
  "summary_bg_mean": 9.141493180588968,
  "summary_bg_median": 0.0,
  "summary_bg_n": 1055429.0,
  "summary_bg_p05": 0.0,
  "summary_bg_p95": 39.96422100812197,
  "summary_bg_stdv": 14.085313364782468,
  "summary_csf_k": 4.100854521522171,
  "summary_csf_mad": 55.2724528548136,
  "summary_csf_mean": 168.6412306118781,
  "summary_csf_median": 153.76847202330828,
  "summary_csf_n": 62609.0,
  "summary_csf_p05": 78.42798028886318,
  "summary_csf_p95": 325.5597977951169,
  "summary_csf_stdv": 76.19132899397331,
  "summary_gm_k": 0.087663226151796,
  "summary_gm_mad": 81.15467729534164,
  "summary_gm_mean": 660.7925258099006,
  "summary_gm_median": 661.068811044097,
  "summary_gm_n": 15619.0,
  "summary_gm_p05": 526.1109351761639,
  "summary_gm_p95": 794.6185612909494,
  "summary_gm_stdv": 81.74450645702666,
  "summary_wm_k": 0.4961068397305306,
  "summary_wm_mad": 48.08532276223722,
  "summary_wm_mean": 999.3429792818978,
  "summary_wm_median": 999.971176199615,
  "summary_wm_n": 175142.0,
  "summary_wm_p05": 915.5413490012288,
  "summary_wm_p95": 1080.7061163943256,
  "summary_wm_stdv": 50.4810312805859,
  "tpm_overlap_csf": 0.15561313958800338,
  "tpm_overlap_gm": 0.4488566042165537,
  "tpm_overlap_wm": 0.5023592412483529,
  "wm2max": 0.6142325416518964
}