{
  "bids_meta": {
    "AcquisitionMatrixPE": 256,
    "AcquisitionNumber": 1,
    "AcquisitionTime": "15:08:53.000000",
    "BodyPartExamined": "BRAIN",
    "CoilString": "32Ch Head",
    "ConversionSoftware": "dcm2niix",
    "ConversionSoftwareVersion": "v1.0.20211006",
    "Dcm2bidsVersion": "2.1.6",
    "DeviceSerialNumber": "000301496MR3T6MR",
    "EchoTime": 0.065753,
    "EchoTrainLength": 140,
    "FlipAngle": 90,
    "ImageOrientationPatientDICOM": [
      0,
      1,
      0,
      0,
      0,
      -1
    ],
    "ImageType": [
      "ORIGINAL",
      "PRIMARY",
      "OTHER"
    ],
    "ImagingFrequency": 127.697,
    "InPlanePhaseEncodingDirectionDICOM": "ROW",
    "InstitutionName": "NIH FMRIF",
    "MRAcquisitionType": "3D",
    "MagneticFieldStrength": 3,
    "Manufacturer": "GE",
    "ManufacturersModelName": "DISCOVERY MR750",
    "Modality": "MR",
    "ParallelReductionFactorInPlane": 2,
    "ParallelReductionOutOfPlane": 1.5,
    "PatientPosition": "HFS",
    "PercentPhaseFOV": 100,
    "PercentSampling": 100,
    "PhaseEncodingAxis": "i",
    "PixelBandwidth": 244.141,
    "ProcedureStepDescription": "MRI Brain",
    "ProtocolName": "ADNI3 FMRIF Enhanced Pro",
    "ReconMatrixPE": 256,
    "RepetitionTime": 3.202,
    "SAR": 0.452,
    "ScanOptions": "SAT_GEMS\\EDR_GEMS\\PROMO_GEMS\\ACC_GEMS\\FS\\FR_GEMS",
    "ScanningSequence": "RM",
    "SequenceVariant": "NONE",
    "SeriesDescription": "ORIG Anat T2w CUBE (ABCD)",
    "SeriesNumber": 40004,
    "SliceThickness": 1,
    "SoftwareVersions": "27\\LX\\MR Software release:DV26.0_R03_1831.b",
    "SpacingBetweenSlices": 1,
    "StationName": "FMRI3tb",
    "acq_id": "CUBE",
    "dataset": "ds004215",
    "modality": "T2w",
    "session_id": "01",
    "subject_id": "ON26105"
  },
  "cjv": 1.2859676319626747,
  "cnr": 0.9511361847903778,
  "efc": 0.36445031719535176,
  "fber": 10398.803196884255,
  "fwhm_avg": 2.3565566666666666,
  "fwhm_x": 1.97911,
  "fwhm_y": 2.59829,
  "fwhm_z": 2.49227,
  "icvs_csf": 0.19612497929686737,
  "icvs_gm": 0.6025445144473511,
  "icvs_wm": 0.2013305062557815,
  "inu_med": 0.8694026470184326,
  "inu_range": 0.46769142150878906,
  "provenance": {
    "md5sum": "eea74d66c8d8409682bb38a67a8ff775",
    "settings": {
      "testing": false
    },
    "software": "mriqc",
    "version": "22.0.6",
    "warnings": {
      "large_rot_frame": true,
      "small_air_mask": false
    },
    "webapi_port": null,
    "webapi_url": "https://mriqc.nimh.nih.gov/api/v1"
  },
  "qi_1": 0.0,
  "qi_2": 0.01944383790782143,
  "rpve_csf": 27.582909073508088,
  "rpve_gm": 13.096459770114942,
  "rpve_wm": 39.979911871047754,
  "size_x": 204,
  "size_y": 256,
  "size_z": 256,
  "snr_csf": 7.705698733823743,
  "snr_gm": 9.606120227425274,
  "snr_total": 6.348207662406003,
  "snr_wm": 1.7328040259689927,
  "snrd_csf": 72.68405326143618,
  "snrd_gm": 47.06901453800799,
  "snrd_total": 74.83964813797371,
  "snrd_wm": 104.76587661447695,
  "spacing_x": 1.0,
  "spacing_y": 1.0,
  "spacing_z": 1.0,
  "summary_bg_k": 1.215077920133247,
  "summary_bg_mad": 6.2616331958453175,
  "summary_bg_mean": 4.833139513627587,
  "summary_bg_median": 4.223407410085201,
  "summary_bg_n": 3761999.0,
  "summary_bg_p05": 0.0,
  "summary_bg_p95": 15.160949677228928,
  "summary_bg_stdv": 5.825743541690487,
  "summary_csf_k": 1.5799121876676043,
  "summary_csf_mad": 70.36309610459514,
  "summary_csf_mean": 708.7398170071591,
  "summary_csf_median": 694.6963727101684,
  "summary_csf_n": 6924.0,
  "summary_csf_p05": 586.7869597262703,
  "summary_csf_p95": 897.7975984799672,
  "summary_csf_stdv": 90.14707543945286,
  "summary_gm_k": 0.30663414258393207,
  "summary_gm_mad": 45.87850476186666,
  "summary_gm_mean": 452.66739019663976,
  "summary_gm_median": 449.8741085473448,
  "summary_gm_n": 271476.0,
  "summary_gm_p05": 381.21666500903666,
  "summary_gm_p95": 534.2339642513543,
  "summary_gm_stdv": 46.83194352403811,
  "summary_wm_k": -1.6580084178319197,
  "summary_wm_mad": 663.2715240047818,
  "summary_wm_mean": 768.7558992739723,
  "summary_wm_median": 1001.3265799321234,
  "summary_wm_n": 49100.0,
  "summary_wm_p05": 28.50800001807511,
  "summary_wm_p95": 1548.991521210037,
  "summary_wm_stdv": 577.8589892829418,
  "tpm_overlap_csf": 0.1141145023983023,
  "tpm_overlap_gm": 0.37180282595983777,
  "tpm_overlap_wm": 0.03765483321668892,
  "wm2max": 0.6492265395053675
}