{
  "bids_meta": {
    "AcquisitionMatrixPE": 256,
    "AcquisitionNumber": 1,
    "AcquisitionTime": "15:08:53.000000",
    "BodyPartExamined": "BRAIN",
    "CoilString": "32Ch Head",
    "ConversionSoftware": "dcm2niix",
    "ConversionSoftwareVersion": "v1.0.20211006",
    "Dcm2bidsVersion": "2.1.6",
    "DeviceSerialNumber": "000301496MR3T6MR",
    "EchoTime": 0.065753,
    "EchoTrainLength": 140,
    "FlipAngle": 90,
    "ImageOrientationPatientDICOM": [
      0,
      1,
      0,
      0,
      0,
      -1
    ],
    "ImageType": [
      "ORIGINAL",
      "PRIMARY",
      "OTHER"
    ],
    "ImagingFrequency": 127.697,
    "InPlanePhaseEncodingDirectionDICOM": "ROW",
    "InstitutionName": "NIH FMRIF",
    "MRAcquisitionType": "3D",
    "MagneticFieldStrength": 3,
    "Manufacturer": "GE",
    "ManufacturersModelName": "DISCOVERY MR750",
    "Modality": "MR",
    "ParallelReductionFactorInPlane": 2,
    "ParallelReductionOutOfPlane": 1.5,
    "PatientPosition": "HFS",
    "PercentPhaseFOV": 100,
    "PercentSampling": 100,
    "PhaseEncodingAxis": "i",
    "PixelBandwidth": 244.141,
    "ProcedureStepDescription": "MRI Brain",
    "ProtocolName": "ADNI3 FMRIF Enhanced Pro",
    "ReconMatrixPE": 256,
    "RepetitionTime": 3.202,
    "SAR": 0.452,
    "ScanOptions": "SAT_GEMS\\EDR_GEMS\\PROMO_GEMS\\FILTERED_GEMS\\ACC_GEMS\\FS\\FR_GEMS",
    "ScanningSequence": "RM",
    "SequenceVariant": "NONE",
    "SeriesDescription": "Anat T2w CUBE (ABCD)",
    "SeriesNumber": 4,
    "SliceThickness": 1,
    "SoftwareVersions": "27\\LX\\MR Software release:DV26.0_R03_1831.b",
    "SpacingBetweenSlices": 1,
    "StationName": "FMRI3tb",
    "acq_id": "CUBE",
    "dataset": "ds004215",
    "modality": "T2w",
    "rec_id": "SCIC",
    "session_id": "01",
    "subject_id": "ON26105"
  },
  "cjv": 0.8732617620159592,
  "cnr": 1.0809058984729174,
  "efc": 0.4216529187450713,
  "fber": 7511.111111111111,
  "fwhm_avg": 2.2587499999999996,
  "fwhm_x": 1.88367,
  "fwhm_y": 2.54704,
  "fwhm_z": 2.34554,
  "icvs_csf": 0.220665472903372,
  "icvs_gm": 0.5579695234374918,
  "icvs_wm": 0.22136500365913614,
  "inu_med": 0.7850573658943176,
  "inu_range": 0.15627933144569406,
  "provenance": {
    "md5sum": "fdf1e99c6cc3f167c95f955958ee1218",
    "settings": {
      "testing": false
    },
    "software": "mriqc",
    "version": "22.0.6",
    "warnings": {
      "large_rot_frame": true,
      "small_air_mask": false
    },
    "webapi_port": null,
    "webapi_url": "https://mriqc.nimh.nih.gov/api/v1"
  },
  "qi_1": 0.0,
  "qi_2": 0.016998585935663148,
  "rpve_csf": 26.017677317805084,
  "rpve_gm": 13.976363956669012,
  "rpve_wm": 36.46107059617523,
  "size_x": 204,
  "size_y": 256,
  "size_z": 256,
  "snr_csf": 10.001296473220691,
  "snr_gm": 10.25831698357509,
  "snr_total": 7.382070987507525,
  "snr_wm": 1.8865995057267926,
  "snrd_csf": 62.79680451085562,
  "snrd_gm": 42.0672413014903,
  "snrd_total": 67.92545044250323,
  "snrd_wm": 98.9123055151638,
  "spacing_x": 1.0,
  "spacing_y": 1.0,
  "spacing_z": 1.0,
  "summary_bg_k": 1.752829429016546,
  "summary_bg_mad": 6.626507678793211,
  "summary_bg_mean": 4.734446490643955,
  "summary_bg_median": 4.5333616733551025,
  "summary_bg_n": 3033628.0,
  "summary_bg_p05": 0.0,
  "summary_bg_p95": 13.429817914962769,
  "summary_bg_stdv": 4.190506366885339,
  "summary_csf_k": 1.323883327772613,
  "summary_csf_mad": 56.08865428121397,
  "summary_csf_mean": 639.080667106237,
  "summary_csf_median": 635.1707938909531,
  "summary_csf_n": 11456.0,
  "summary_csf_p05": 544.2481597661972,
  "summary_csf_p95": 750.1223732233047,
  "summary_csf_stdv": 63.50607371730507,
  "summary_gm_k": 0.21275783687854855,
  "summary_gm_mad": 41.27367639934057,
  "summary_gm_mean": 426.71586156829375,
  "summary_gm_median": 425.4974956512451,
  "summary_gm_n": 231440.0,
  "summary_gm_p05": 361.11524653434753,
  "summary_gm_p95": 496.28604459762573,
  "summary_gm_stdv": 41.478205157065204,
  "summary_wm_k": -1.698896721674788,
  "summary_wm_mad": 460.8262768623622,
  "summary_wm_mean": 758.8514894279378,
  "summary_wm_median": 1000.4682261943817,
  "summary_wm_n": 59635.0,
  "summary_wm_p05": 31.776098489761353,
  "summary_wm_p95": 1335.9859418153762,
  "summary_wm_stdv": 530.2979433941792,
  "tpm_overlap_csf": 0.10511481201373034,
  "tpm_overlap_gm": 0.34387105358754755,
  "tpm_overlap_wm": 0.04369774065350882,
  "wm2max": 0.7446653465346534
}