{
  "bids_meta": {
    "AcquisitionMatrixPE": 256,
    "AcquisitionNumber": 1,
    "AcquisitionTime": "15:02:16.000000",
    "BodyPartExamined": "BRAIN",
    "CoilString": "32Ch Head",
    "ConversionSoftware": "dcm2niix",
    "ConversionSoftwareVersion": "v1.0.20211006",
    "Dcm2bidsVersion": "2.1.6",
    "DeviceSerialNumber": "000301496MR3T6MR",
    "EchoTime": 0.00292,
    "FlipAngle": 8,
    "ImageOrientationPatientDICOM": [
      0,
      1,
      0,
      0,
      0,
      -1
    ],
    "ImageType": [
      "ORIGINAL",
      "PRIMARY",
      "OTHER"
    ],
    "ImagingFrequency": 127.697,
    "InPlanePhaseEncodingDirectionDICOM": "ROW",
    "InstitutionName": "NIH FMRIF",
    "InversionTime": 1.06,
    "MRAcquisitionType": "3D",
    "MagneticFieldStrength": 3,
    "Manufacturer": "GE",
    "ManufacturersModelName": "DISCOVERY MR750",
    "Modality": "MR",
    "ParallelReductionFactorInPlane": 2,
    "ParallelReductionOutOfPlane": 2,
    "PatientPosition": "HFS",
    "PercentPhaseFOV": 100,
    "PercentSampling": 100,
    "PixelBandwidth": 244.141,
    "ProcedureStepDescription": "MRI Brain",
    "ProtocolName": "ADNI3 FMRIF Enhanced Pro",
    "ReconMatrixPE": 256,
    "RepetitionTime": 0.006952,
    "SAR": 0.0988406,
    "ScanOptions": "EDR_GEMS\\PROMO_GEMS\\FILTERED_GEMS\\ACC_GEMS\\IR_GEMS",
    "ScanningSequence": "RM",
    "SequenceVariant": "NONE",
    "SeriesDescription": "Anat T1w MP-RAGE 1mm (ABCD)",
    "SeriesNumber": 3,
    "SliceThickness": 1,
    "SoftwareVersions": "27\\LX\\MR Software release:DV26.0_R03_1831.b",
    "SpacingBetweenSlices": 1,
    "StationName": "FMRI3tb",
    "acq_id": "MPRAGE",
    "dataset": "ds004215",
    "modality": "T1w",
    "rec_id": "SCIC",
    "session_id": "01",
    "subject_id": "ON26105"
  },
  "cjv": 0.34664508082371304,
  "cnr": 3.792028651297542,
  "efc": 0.6417524464559387,
  "fber": 8229.440368290609,
  "fwhm_avg": 3.5578466666666664,
  "fwhm_x": 3.5095,
  "fwhm_y": 3.70573,
  "fwhm_z": 3.45831,
  "icvs_csf": 0.261540694104957,
  "icvs_gm": 0.4054471472922432,
  "icvs_wm": 0.33301215860279976,
  "inu_med": 0.48698893189430237,
  "inu_range": 0.07771864533424377,
  "provenance": {
    "md5sum": "36827b0fd6d592cef7e4182f710516ea",
    "settings": {
      "testing": false
    },
    "software": "mriqc",
    "version": "22.0.6",
    "warnings": {
      "large_rot_frame": true,
      "small_air_mask": false
    },
    "webapi_port": null,
    "webapi_url": "https://mriqc.nimh.nih.gov/api/v1"
  },
  "qi_1": 0.0,
  "qi_2": 0.0024052693905023802,
  "rpve_csf": 26.95017734162518,
  "rpve_gm": 16.761684663456105,
  "rpve_wm": 24.089825982907197,
  "size_x": 208,
  "size_y": 256,
  "size_z": 256,
  "snr_csf": 1.5822884020490975,
  "snr_gm": 7.955702817546186,
  "snr_total": 9.999499187825279,
  "snr_wm": 20.460506343880553,
  "snrd_csf": 18.0558925997131,
  "snrd_gm": 67.0563514528601,
  "snrd_total": 63.264162758602446,
  "snrd_wm": 104.68024422323413,
  "spacing_x": 1.0,
  "spacing_y": 1.0,
  "spacing_z": 1.0,
  "summary_bg_k": 5.150468881399863,
  "summary_bg_mad": 6.258453047518754,
  "summary_bg_mean": 6.823690201899229,
  "summary_bg_median": 4.2212624326348305,
  "summary_bg_n": 874417.0,
  "summary_bg_p05": 0.0,
  "summary_bg_p95": 31.13486048579216,
  "summary_bg_stdv": 10.579966920336757,
  "summary_csf_k": 0.3193042732753324,
  "summary_csf_mad": 94.72693239842692,
  "summary_csf_mean": 201.20058324170992,
  "summary_csf_median": 172.48615107685328,
  "summary_csf_n": 62536.0,
  "summary_csf_p05": 67.58289955370128,
  "summary_csf_p95": 419.4666039273143,
  "summary_csf_stdv": 109.00969238801129,
  "summary_gm_k": 0.11685326698621123,
  "summary_gm_mad": 77.88699081680853,
  "summary_gm_mean": 641.83672727445,
  "summary_gm_median": 640.5826742425561,
  "summary_gm_n": 29393.0,
  "summary_gm_p05": 509.3721736341715,
  "summary_gm_p95": 777.9176654323935,
  "summary_gm_stdv": 80.51730839913265,
  "summary_wm_k": 0.45035195834728503,
  "summary_wm_mad": 46.703253666744,
  "summary_wm_mean": 998.846381456296,
  "summary_wm_median": 999.9999900385737,
  "summary_wm_n": 179819.0,
  "summary_wm_p05": 916.3799532949924,
  "summary_wm_p95": 1076.519521765411,
  "summary_wm_stdv": 48.874509391602686,
  "tpm_overlap_csf": 0.14223565410632483,
  "tpm_overlap_gm": 0.4635468187788304,
  "tpm_overlap_wm": 0.514461795095126,
  "wm2max": 0.7048171014841694
}