{
  "aor": 0.004041608040201005,
  "aqi": 0.004027418341708543,
  "bids_meta": {
    "AcquisitionMatrixPE": 64,
    "AcquisitionNumber": 1,
    "AcquisitionTime": "15:03:57.000000",
    "BodyPartExamined": "BRAIN",
    "CoilString": "32Ch Head",
    "ConversionSoftware": "dcm2niix",
    "ConversionSoftwareVersion": "v1.0.20211006",
    "Dcm2bidsVersion": "2.1.6",
    "DeviceSerialNumber": "000301496MR3T6MR",
    "EchoTime": 0.0169,
    "EffectiveEchoSpacing": 0.000416,
    "FlipAngle": 90,
    "ImageOrientationPatientDICOM": [
      1,
      0,
      0,
      0,
      1,
      0
    ],
    "ImageType": [
      "ORIGINAL",
      "PRIMARY",
      "OTHER"
    ],
    "ImagingFrequency": 127.696,
    "InPlanePhaseEncodingDirectionDICOM": "COL",
    "InstitutionName": "NIH FMRIF",
    "InternalPulseSequenceName": "EPI",
    "MRAcquisitionType": "2D",
    "MagneticFieldStrength": 3,
    "Manufacturer": "GE",
    "ManufacturersModelName": "DISCOVERY MR750",
    "Modality": "MR",
    "PatientPosition": "HFS",
    "PercentPhaseFOV": 100,
    "PercentSampling": 100,
    "PhaseEncodingDirection": "j",
    "PhaseEncodingPolarityGE": "Flipped",
    "PixelBandwidth": 7812.5,
    "ProcedureStepDescription": "MRI Brain",
    "ProtocolName": "ADNI3 FMRIF Enhanced Pro",
    "PulseSequenceName": "epi",
    "ReconMatrixPE": 64,
    "RepetitionTime": 3,
    "SAR": 0.214189,
    "ScanOptions": "MP_GEMS\\EPI_GEMS\\PFF",
    "ScanningSequence": "EP\\GR",
    "SequenceVariant": "SS",
    "SeriesDescription": "Axial rsfMRI with Eyes Open - RKV",
    "SeriesNumber": 10,
    "SliceThickness": 3.4,
    "SliceTiming": [
      0,
      1.5,
      0.0625,
      1.5625,
      0.125,
      1.625,
      0.1875,
      1.6875,
      0.25,
      1.75,
      0.3125,
      1.8125,
      0.375,
      1.875,
      0.4375,
      1.9375,
      0.5,
      2,
      0.5625,
      2.0625,
      0.625,
      2.125,
      0.6875,
      2.1875,
      0.75,
      2.25,
      0.8125,
      2.3125,
      0.875,
      2.375,
      0.9375,
      2.4375,
      1,
      2.5,
      1.0625,
      2.5625,
      1.125,
      2.625,
      1.1875,
      2.6875,
      1.25,
      2.75,
      1.3125,
      2.8125,
      1.375,
      2.875,
      1.4375,
      2.9375
    ],
    "SoftwareVersions": "27\\LX\\MR Software release:DV26.0_R03_1831.b",
    "SpacingBetweenSlices": 3.4,
    "StationName": "FMRI3tb",
    "TaskName": "Resting state with eyes open.",
    "TotalReadoutTime": 0.026208,
    "TriggerDelayTime": 599938,
    "dataset": "ds004215",
    "modality": "bold",
    "session_id": "01",
    "subject_id": "ON11111",
    "task_id": "rest"
  },
  "dummy_trs": 1,
  "dvars_nstd": 16.932681117121213,
  "dvars_std": 1.1336337466666673,
  "dvars_vstd": 0.9500493265151514,
  "efc": 0.4776521474772661,
  "fber": 3718.476318359375,
  "fd_mean": 0.2196624913150618,
  "fd_num": 82,
  "fd_perc": 41.20603015075377,
  "fwhm_avg": 3.095885303877562,
  "fwhm_x": 2.898760727272727,
  "fwhm_y": 2.827682909090909,
  "fwhm_z": 3.5612122752690487,
  "gcor": 0.0373783,
  "gsr_x": 0.0017671475652605295,
  "gsr_y": 0.05372755974531174,
  "provenance": {
    "md5sum": "e9a99b94c11ce393e116c4be72fd5baf",
    "settings": {
      "fd_thres": 0.2,
      "testing": false
    },
    "software": "mriqc",
    "version": "22.0.6",
    "webapi_port": null,
    "webapi_url": "https://mriqc.nimh.nih.gov/api/v1"
  },
  "size_t": 199,
  "size_x": 64,
  "size_y": 64,
  "size_z": 48,
  "snr": 3.285021657173962,
  "spacing_tr": 3.0,
  "spacing_x": 3.4375,
  "spacing_y": 3.4375,
  "spacing_z": 3.399993896484375,
  "summary_bg_k": 17.864040240246243,
  "summary_bg_mad": 21.561058801939502,
  "summary_bg_mean": 149.84689331054688,
  "summary_bg_median": 39.115577697753906,
  "summary_bg_n": 130699.0,
  "summary_bg_p05": 17.487436294555664,
  "summary_bg_p95": 725.6838928222647,
  "summary_bg_stdv": 279.75732421875,
  "summary_fg_k": 3.2547883585133395,
  "summary_fg_mad": 526.9532419781755,
  "summary_fg_mean": 2477.621826171875,
  "summary_fg_median": 2352.47998046875,
  "summary_fg_n": 28998.0,
  "summary_fg_p05": 1540.1047668457031,
  "summary_fg_p95": 3841.5053955078124,
  "summary_fg_stdv": 716.1107788085938,
  "tsnr": 77.29120057774708
}