{
  "bids_meta": {
    "AcquisitionMatrixPE": 256,
    "AcquisitionNumber": 1,
    "AcquisitionTime": "14:35:8.000000",
    "BodyPartExamined": "BRAIN",
    "CoilString": "32Ch Head",
    "ConversionSoftware": "dcm2niix",
    "ConversionSoftwareVersion": "v1.0.20211006",
    "Dcm2bidsVersion": "2.1.6",
    "DeviceSerialNumber": "000301496MR3T6MR",
    "EchoTime": 0.066902,
    "EchoTrainLength": 140,
    "FlipAngle": 90,
    "ImageOrientationPatientDICOM": [
      0,
      1,
      0,
      0,
      0,
      -1
    ],
    "ImageType": [
      "ORIGINAL",
      "PRIMARY",
      "OTHER"
    ],
    "ImagingFrequency": 127.697,
    "InPlanePhaseEncodingDirectionDICOM": "ROW",
    "InstitutionName": "NIH FMRIF",
    "MRAcquisitionType": "3D",
    "MagneticFieldStrength": 3,
    "Manufacturer": "GE",
    "ManufacturersModelName": "DISCOVERY MR750",
    "Modality": "MR",
    "ParallelReductionFactorInPlane": 2,
    "ParallelReductionOutOfPlane": 1.5,
    "PatientPosition": "HFS",
    "PercentPhaseFOV": 100,
    "PercentSampling": 100,
    "PhaseEncodingAxis": "i",
    "PixelBandwidth": 244.141,
    "ProcedureStepDescription": "MRI Brain",
    "ProtocolName": "ADNI3 FMRIF Enhanced Pro",
    "ReconMatrixPE": 256,
    "RepetitionTime": 3.202,
    "SAR": 0.4952,
    "ScanOptions": "SAT_GEMS\\EDR_GEMS\\PROMO_GEMS\\ACC_GEMS\\FS\\FR_GEMS",
    "ScanningSequence": "RM",
    "SequenceVariant": "NONE",
    "SeriesDescription": "ORIG Anat T2w CUBE (ABCD)",
    "SeriesNumber": 40004,
    "SliceThickness": 1,
    "SoftwareVersions": "27\\LX\\MR Software release:DV26.0_R03_1831.b",
    "SpacingBetweenSlices": 1,
    "StationName": "FMRI3tb",
    "acq_id": "CUBE",
    "dataset": "ds004215",
    "modality": "T2w",
    "session_id": "01",
    "subject_id": "ON89474"
  },
  "cjv": 0.6160726351087846,
  "cnr": 0.7001672649811727,
  "efc": 0.3538875601682865,
  "fber": 15660.948797016745,
  "fwhm_avg": 2.327366666666667,
  "fwhm_x": 1.96775,
  "fwhm_y": 2.55965,
  "fwhm_z": 2.4547,
  "icvs_csf": 0.18410432150766118,
  "icvs_gm": 0.6439548292994779,
  "icvs_wm": 0.1719408491928609,
  "inu_med": 0.8056142330169678,
  "inu_range": 0.33843089640140533,
  "provenance": {
    "md5sum": "e274e9c26115f5c944fcf8225248bf8c",
    "settings": {
      "testing": false
    },
    "software": "mriqc",
    "version": "22.0.6",
    "warnings": {
      "large_rot_frame": true,
      "small_air_mask": false
    },
    "webapi_port": null,
    "webapi_url": "https://mriqc.nimh.nih.gov/api/v1"
  },
  "qi_1": 0.0,
  "qi_2": 0.020734388667627165,
  "rpve_csf": 32.63032413608358,
  "rpve_gm": 13.455539214342917,
  "rpve_wm": 49.14035875760298,
  "size_x": 204,
  "size_y": 256,
  "size_z": 256,
  "snr_csf": 5.785389328318075,
  "snr_gm": 10.50984748664922,
  "snr_total": 5.522721983226073,
  "snr_wm": 0.27292913471092173,
  "snrd_csf": 89.20211082598506,
  "snrd_gm": 61.37937128708991,
  "snrd_total": 55.91448955676833,
  "snrd_wm": 17.161986557230037,
  "spacing_x": 1.0,
  "spacing_y": 1.0,
  "spacing_z": 1.0,
  "summary_bg_k": 179.15574808535317,
  "summary_bg_mad": 38.23854252275426,
  "summary_bg_mean": 23.733919248404238,
  "summary_bg_median": 25.791504994034767,
  "summary_bg_n": 3923218.0,
  "summary_bg_p05": 0.0,
  "summary_bg_p95": 77.83783543109894,
  "summary_bg_stdv": 29.720515475017027,
  "summary_csf_k": -0.6223163779795184,
  "summary_csf_mad": 834.6077095535286,
  "summary_csf_mean": 5510.875832940759,
  "summary_csf_median": 5206.486325502396,
  "summary_csf_n": 3865.0,
  "summary_csf_p05": 4395.057779163122,
  "summary_csf_p95": 7027.551906260848,
  "summary_csf_stdv": 899.8206419032978,
  "summary_gm_k": -0.031002806126419813,
  "summary_gm_mad": 349.4132688007365,
  "summary_gm_mean": 3599.6073108377236,
  "summary_gm_median": 3582.5481517761946,
  "summary_gm_n": 233944.0,
  "summary_gm_p05": 3069.806854888797,
  "summary_gm_p95": 4178.069368883967,
  "summary_gm_stdv": 340.87464156536316,
  "summary_wm_k": -1.4418995605272558,
  "summary_wm_mad": 1240.5773855585783,
  "summary_wm_mean": 3347.7871470471446,
  "summary_wm_median": 1001.6988107264042,
  "summary_wm_n": 38245.0,
  "summary_wm_p05": 111.19690775871277,
  "summary_wm_p95": 9079.845279097557,
  "summary_wm_stdv": 3670.131134544435,
  "tpm_overlap_csf": 0.11459974500338481,
  "tpm_overlap_gm": 0.407203262700226,
  "tpm_overlap_wm": 0.03705797701681755,
  "wm2max": 0.10990984884430285
}