{
  "aor": 0.003063115577889447,
  "aqi": 0.0015994495125628142,
  "bids_meta": {
    "AcquisitionMatrixPE": 64,
    "AcquisitionNumber": 1,
    "AcquisitionTime": "15:42:53.000000",
    "BodyPartExamined": "BRAIN",
    "CoilString": "32Ch Head",
    "ConversionSoftware": "dcm2niix",
    "ConversionSoftwareVersion": "v1.0.20211006",
    "Dcm2bidsVersion": "2.1.6",
    "DeviceSerialNumber": "000301496MR3T6MR",
    "EchoTime": 0.0169,
    "EffectiveEchoSpacing": 0.000416,
    "FlipAngle": 90,
    "ImageOrientationPatientDICOM": [
      1,
      0,
      0,
      0,
      1,
      0
    ],
    "ImageType": [
      "ORIGINAL",
      "PRIMARY",
      "OTHER"
    ],
    "ImagingFrequency": 127.697,
    "InPlanePhaseEncodingDirectionDICOM": "COL",
    "InstitutionName": "NIH FMRIF",
    "InternalPulseSequenceName": "EPI",
    "MRAcquisitionType": "2D",
    "MagneticFieldStrength": 3,
    "Manufacturer": "GE",
    "ManufacturersModelName": "DISCOVERY MR750",
    "Modality": "MR",
    "PatientPosition": "HFS",
    "PercentPhaseFOV": 100,
    "PercentSampling": 100,
    "PhaseEncodingDirection": "j",
    "PhaseEncodingPolarityGE": "Flipped",
    "PixelBandwidth": 7812.5,
    "ProcedureStepDescription": "MRI Brain",
    "ProtocolName": "ADNI3 FMRIF Enhanced Pro",
    "PulseSequenceName": "epi",
    "ReconMatrixPE": 64,
    "RepetitionTime": 3,
    "SAR": 0.154745,
    "ScanOptions": "MP_GEMS\\EPI_GEMS\\PFF",
    "ScanningSequence": "EP\\GR",
    "SequenceVariant": "SS",
    "SeriesDescription": "Axial rsfMRI with Eyes Open - RKV",
    "SeriesNumber": 10,
    "SliceThickness": 3.4,
    "SliceTiming": [
      0,
      1.5,
      0.0625,
      1.5625,
      0.125,
      1.625,
      0.1875,
      1.6875,
      0.25,
      1.75,
      0.3125,
      1.8125,
      0.375,
      1.875,
      0.4375,
      1.9375,
      0.5,
      2,
      0.5625,
      2.0625,
      0.625,
      2.125,
      0.6875,
      2.1875,
      0.75,
      2.25,
      0.8125,
      2.3125,
      0.875,
      2.375,
      0.9375,
      2.4375,
      1,
      2.5,
      1.0625,
      2.5625,
      1.125,
      2.625,
      1.1875,
      2.6875,
      1.25,
      2.75,
      1.3125,
      2.8125,
      1.375,
      2.875,
      1.4375,
      2.9375
    ],
    "SoftwareVersions": "27\\LX\\MR Software release:DV26.0_R03_1831.b",
    "SpacingBetweenSlices": 3.4,
    "StationName": "FMRI3tb",
    "TaskName": "Resting state with eyes open.",
    "TotalReadoutTime": 0.026208,
    "TriggerDelayTime": 599938,
    "dataset": "ds004215",
    "modality": "bold",
    "session_id": "01",
    "subject_id": "ON97504",
    "task_id": "rest"
  },
  "dummy_trs": 1,
  "dvars_nstd": 10.636619751161616,
  "dvars_std": 1.1509639136868681,
  "dvars_vstd": 0.9763192783333329,
  "efc": 0.4456082021736978,
  "fber": 4106.0205078125,
  "fd_mean": 0.07380287693543106,
  "fd_num": 10,
  "fd_perc": 5.025125628140704,
  "fwhm_avg": 3.1439017550931454,
  "fwhm_x": 2.8962327272727273,
  "fwhm_y": 3.01568,
  "fwhm_z": 3.519792538006709,
  "gcor": 0.0225053,
  "gsr_x": 0.010813203640282154,
  "gsr_y": 0.05204608663916588,
  "provenance": {
    "md5sum": "00be1856301587632802b66ee22a7435",
    "settings": {
      "fd_thres": 0.2,
      "testing": false
    },
    "software": "mriqc",
    "version": "22.0.6",
    "webapi_port": null,
    "webapi_url": "https://mriqc.nimh.nih.gov/api/v1"
  },
  "size_t": 199,
  "size_x": 64,
  "size_y": 64,
  "size_z": 48,
  "snr": 3.095479700125836,
  "spacing_tr": 3.0,
  "spacing_x": 3.4375,
  "spacing_y": 3.4375,
  "spacing_z": 3.4000015258789062,
  "summary_bg_k": 38.75642143918399,
  "summary_bg_mad": 9.074420418726955,
  "summary_bg_mean": 109.72534942626953,
  "summary_bg_median": 32.6030158996582,
  "summary_bg_n": 135200.0,
  "summary_bg_p05": 22.557788848876953,
  "summary_bg_p95": 468.2351806640604,
  "summary_bg_stdv": 222.7295379638672,
  "summary_fg_k": 4.21227509164528,
  "summary_fg_mad": 524.334617527546,
  "summary_fg_mean": 2173.971923828125,
  "summary_fg_median": 2067.148193359375,
  "summary_fg_n": 25612.0,
  "summary_fg_p05": 1293.0211242675782,
  "summary_fg_p95": 3405.086926269529,
  "summary_fg_stdv": 667.78271484375,
  "tsnr": 123.01727877231315
}