{
  "aor": 0.03092444444444444,
  "aqi": 0.00036038300000000004,
  "bids_meta": {
    "AcquisitionMatrixPE": 64,
    "AcquisitionNumber": 1,
    "AcquisitionTime": "15:53:22.000000",
    "BodyPartExamined": "BRAIN",
    "CoilString": "32Ch Head",
    "ConversionSoftware": "dcm2niix",
    "ConversionSoftwareVersion": "v1.0.20211006",
    "Dcm2bidsVersion": "2.1.6",
    "DeviceSerialNumber": "000301496MR3T6MR",
    "EchoTime": 0.0169,
    "EffectiveEchoSpacing": 0.000416,
    "FlipAngle": 90,
    "ImageOrientationPatientDICOM": [
      1,
      0,
      0,
      0,
      1,
      0
    ],
    "ImageType": [
      "ORIGINAL",
      "PRIMARY",
      "OTHER"
    ],
    "ImagingFrequency": 127.697,
    "InPlanePhaseEncodingDirectionDICOM": "COL",
    "InstitutionName": "NIH FMRIF",
    "InternalPulseSequenceName": "EPI",
    "MRAcquisitionType": "2D",
    "MagneticFieldStrength": 3,
    "Manufacturer": "GE",
    "ManufacturersModelName": "DISCOVERY MR750",
    "Modality": "MR",
    "PatientPosition": "HFS",
    "PercentPhaseFOV": 100,
    "PercentSampling": 100,
    "PhaseEncodingDirection": "j",
    "PhaseEncodingPolarityGE": "Flipped",
    "PixelBandwidth": 7812.5,
    "ProcedureStepDescription": "MRI Brain",
    "ProtocolName": "ADNI3 FMRIF Enhanced Pro",
    "PulseSequenceName": "epi",
    "ReconMatrixPE": 64,
    "RepetitionTime": 3,
    "SAR": 0.154745,
    "ScanOptions": "MP_GEMS\\EPI_GEMS\\PFF",
    "ScanningSequence": "EP\\GR",
    "SequenceVariant": "SS",
    "SeriesDescription": "Axial rsfMRI reverse blip - RKV",
    "SeriesNumber": 11,
    "SliceThickness": 3.4,
    "SliceTiming": [
      0,
      1.5,
      0.0625,
      1.5625,
      0.125,
      1.625,
      0.1875,
      1.6875,
      0.25,
      1.75,
      0.3125,
      1.8125,
      0.375,
      1.875,
      0.4375,
      1.9375,
      0.5,
      2,
      0.5625,
      2.0625,
      0.625,
      2.125,
      0.6875,
      2.1875,
      0.75,
      2.25,
      0.8125,
      2.3125,
      0.875,
      2.375,
      0.9375,
      2.4375,
      1,
      2.5,
      1.0625,
      2.5625,
      1.125,
      2.625,
      1.1875,
      2.6875,
      1.25,
      2.75,
      1.3125,
      2.8125,
      1.375,
      2.875,
      1.4375,
      2.9375
    ],
    "SoftwareVersions": "27\\LX\\MR Software release:DV26.0_R03_1831.b",
    "SpacingBetweenSlices": 3.4,
    "StationName": "FMRI3tb",
    "TaskName": "Resting state with reverse blip.",
    "TotalReadoutTime": 0.026208,
    "TriggerDelayTime": 29938,
    "dataset": "ds004215",
    "modality": "bold",
    "session_id": "01",
    "subject_id": "ON97504",
    "task_id": "rest"
  },
  "dummy_trs": 1,
  "dvars_nstd": 10.255559327499999,
  "dvars_std": 1.29768188,
  "dvars_vstd": 1.34576657375,
  "efc": 0.4446374938410645,
  "fber": 4187.28271484375,
  "fd_mean": 0.1203494315197317,
  "fd_num": 0,
  "fd_perc": 0.0,
  "fwhm_avg": 3.173001212801194,
  "fwhm_x": 2.933847272727273,
  "fwhm_y": 3.0150109090909094,
  "fwhm_z": 3.570145456585399,
  "gcor": 0.0599739,
  "gsr_x": 0.01061946153640747,
  "gsr_y": 0.0522611103951931,
  "provenance": {
    "md5sum": "fb4fc97346ec7d88e01eeeb7d496e570",
    "settings": {
      "fd_thres": 0.2,
      "testing": false
    },
    "software": "mriqc",
    "version": "22.0.6",
    "webapi_port": null,
    "webapi_url": "https://mriqc.nimh.nih.gov/api/v1"
  },
  "size_t": 9,
  "size_x": 64,
  "size_y": 64,
  "size_z": 48,
  "snr": 3.0392991974694508,
  "spacing_tr": 3.0,
  "spacing_x": 3.4375,
  "spacing_y": 3.4375,
  "spacing_z": 3.4000015258789062,
  "summary_bg_k": 43.937821157244066,
  "summary_bg_mad": 8.730877531769078,
  "summary_bg_mean": 110.5046157836914,
  "summary_bg_median": 32.22222137451172,
  "summary_bg_n": 135125.0,
  "summary_bg_p05": 23.44444465637207,
  "summary_bg_p95": 477.77777099609375,
  "summary_bg_stdv": 229.31597900390625,
  "summary_fg_k": 4.398060403097376,
  "summary_fg_mad": 529.2889920064999,
  "summary_fg_mean": 2182.902099609375,
  "summary_fg_median": 2073.111083984375,
  "summary_fg_n": 25644.0,
  "summary_fg_p05": 1289.477783203125,
  "summary_fg_p95": 3444.2666015624995,
  "summary_fg_stdv": 682.08837890625,
  "tsnr": 225.8387650847435
}