{
  "bids_meta": {
    "AcquisitionMatrixPE": 256,
    "AcquisitionNumber": 1,
    "AcquisitionTime": "15:30:6.000000",
    "BodyPartExamined": "BRAIN",
    "CoilString": "32Ch Head",
    "ConversionSoftware": "dcm2niix",
    "ConversionSoftwareVersion": "v1.0.20211006",
    "Dcm2bidsVersion": "2.1.6",
    "DeviceSerialNumber": "000301496MR3T6MR",
    "EchoTime": 0.00292,
    "FlipAngle": 8,
    "ImageOrientationPatientDICOM": [
      0,
      1,
      0,
      0,
      0,
      -1
    ],
    "ImageType": [
      "ORIGINAL",
      "PRIMARY",
      "OTHER"
    ],
    "ImagingFrequency": 127.696,
    "InPlanePhaseEncodingDirectionDICOM": "ROW",
    "InstitutionName": "NIH FMRIF",
    "InversionTime": 1.06,
    "MRAcquisitionType": "3D",
    "MagneticFieldStrength": 3,
    "Manufacturer": "GE",
    "ManufacturersModelName": "DISCOVERY MR750",
    "Modality": "MR",
    "ParallelReductionFactorInPlane": 2,
    "ParallelReductionOutOfPlane": 2,
    "PatientPosition": "HFS",
    "PercentPhaseFOV": 100,
    "PercentSampling": 100,
    "PixelBandwidth": 244.141,
    "ProcedureStepDescription": "MRI Brain",
    "ProtocolName": "ADNI3 FMRIF Enhanced Pro",
    "ReconMatrixPE": 256,
    "RepetitionTime": 0.006952,
    "SAR": 0.125189,
    "ScanOptions": "EDR_GEMS\\PROMO_GEMS\\ACC_GEMS\\IR_GEMS",
    "ScanningSequence": "RM",
    "SequenceVariant": "NONE",
    "SeriesDescription": "ORIG Anat T1w MP-RAGE 1mm (ABCD)",
    "SeriesNumber": 40003,
    "SliceThickness": 1,
    "SoftwareVersions": "27\\LX\\MR Software release:DV26.0_R03_1831.b",
    "SpacingBetweenSlices": 1,
    "StationName": "FMRI3tb",
    "acq_id": "MPRAGE",
    "dataset": "ds004215",
    "modality": "T1w",
    "session_id": "01",
    "subject_id": "ON89045"
  },
  "cjv": 0.39264085224791334,
  "cnr": 3.395720385637338,
  "efc": 0.4758957631421857,
  "fber": 5100.018586153722,
  "fwhm_avg": 3.7306733333333333,
  "fwhm_x": 3.70903,
  "fwhm_y": 3.8616,
  "fwhm_z": 3.62139,
  "icvs_csf": 0.23658325038467928,
  "icvs_gm": 0.4041759297730872,
  "icvs_wm": 0.3592408198422335,
  "inu_med": 0.8687154054641724,
  "inu_range": 0.5807071566581725,
  "provenance": {
    "md5sum": "4c257e051eb50a49f9c1bbdac3040b1a",
    "settings": {
      "testing": false
    },
    "software": "mriqc",
    "version": "22.0.6",
    "warnings": {
      "large_rot_frame": true,
      "small_air_mask": false
    },
    "webapi_port": null,
    "webapi_url": "https://mriqc.nimh.nih.gov/api/v1"
  },
  "qi_1": 0.0,
  "qi_2": 0.001310327961438017,
  "rpve_csf": 24.169354478844078,
  "rpve_gm": 13.882950029344752,
  "rpve_wm": 18.57708049113233,
  "size_x": 208,
  "size_y": 256,
  "size_z": 256,
  "snr_csf": 1.3380993943721728,
  "snr_gm": 7.657050551423425,
  "snr_total": 9.210461102356593,
  "snr_wm": 18.636233361274183,
  "snrd_csf": 6.8081940678150525,
  "snrd_gm": 32.65933682927785,
  "snrd_total": 29.782766531021384,
  "snrd_wm": 49.880768695971256,
  "spacing_x": 1.0,
  "spacing_y": 1.0,
  "spacing_z": 1.0,
  "summary_bg_k": 1.6069455370075225,
  "summary_bg_mad": 13.134573964522268,
  "summary_bg_mean": 12.867823412085574,
  "summary_bg_median": 8.859135512262583,
  "summary_bg_n": 3567115.0,
  "summary_bg_p05": 0.0,
  "summary_bg_p95": 35.47662863507867,
  "summary_bg_stdv": 12.106402133689011,
  "summary_csf_k": 2.070109317515076,
  "summary_csf_mad": 78.33198409611018,
  "summary_csf_mean": 159.7756113083406,
  "summary_csf_median": 136.49482542648911,
  "summary_csf_n": 41263.0,
  "summary_csf_p05": 38.60739100389182,
  "summary_csf_p95": 378.0926707606763,
  "summary_csf_stdv": 102.00525613347716,
  "summary_gm_k": 0.08692083105361093,
  "summary_gm_mad": 83.97806792701341,
  "summary_gm_mean": 655.0653642806436,
  "summary_gm_median": 654.7742961868644,
  "summary_gm_n": 23760.0,
  "summary_gm_p05": 514.3830545984208,
  "summary_gm_p95": 795.560390647687,
  "summary_gm_stdv": 85.51079984704928,
  "summary_wm_k": 0.4773770053998527,
  "summary_wm_mad": 51.58737647604221,
  "summary_wm_mean": 1001.0250720104175,
  "summary_wm_median": 1000.0400616489351,
  "summary_wm_n": 226602.0,
  "summary_wm_p05": 914.9362395107746,
  "summary_wm_p95": 1089.713754594326,
  "summary_wm_stdv": 53.66094294163058,
  "tpm_overlap_csf": 0.15362848776169777,
  "tpm_overlap_gm": 0.4460291046541935,
  "tpm_overlap_wm": 0.5051774633793802,
  "wm2max": 0.5131860445980416
}