{
  "bids_meta": {
    "AcquisitionMatrixPE": 256,
    "AcquisitionNumber": 1,
    "AcquisitionTime": "15:30:6.000000",
    "BodyPartExamined": "BRAIN",
    "CoilString": "32Ch Head",
    "ConversionSoftware": "dcm2niix",
    "ConversionSoftwareVersion": "v1.0.20211006",
    "Dcm2bidsVersion": "2.1.6",
    "DeviceSerialNumber": "000301496MR3T6MR",
    "EchoTime": 0.00292,
    "FlipAngle": 8,
    "ImageOrientationPatientDICOM": [
      0,
      1,
      0,
      0,
      0,
      -1
    ],
    "ImageType": [
      "ORIGINAL",
      "PRIMARY",
      "OTHER"
    ],
    "ImagingFrequency": 127.696,
    "InPlanePhaseEncodingDirectionDICOM": "ROW",
    "InstitutionName": "NIH FMRIF",
    "InversionTime": 1.06,
    "MRAcquisitionType": "3D",
    "MagneticFieldStrength": 3,
    "Manufacturer": "GE",
    "ManufacturersModelName": "DISCOVERY MR750",
    "Modality": "MR",
    "ParallelReductionFactorInPlane": 2,
    "ParallelReductionOutOfPlane": 2,
    "PatientPosition": "HFS",
    "PercentPhaseFOV": 100,
    "PercentSampling": 100,
    "PixelBandwidth": 244.141,
    "ProcedureStepDescription": "MRI Brain",
    "ProtocolName": "ADNI3 FMRIF Enhanced Pro",
    "ReconMatrixPE": 256,
    "RepetitionTime": 0.006952,
    "SAR": 0.125189,
    "ScanOptions": "EDR_GEMS\\PROMO_GEMS\\FILTERED_GEMS\\ACC_GEMS\\IR_GEMS",
    "ScanningSequence": "RM",
    "SequenceVariant": "NONE",
    "SeriesDescription": "Anat T1w MP-RAGE 1mm (ABCD)",
    "SeriesNumber": 3,
    "SliceThickness": 1,
    "SoftwareVersions": "27\\LX\\MR Software release:DV26.0_R03_1831.b",
    "SpacingBetweenSlices": 1,
    "StationName": "FMRI3tb",
    "acq_id": "MPRAGE",
    "dataset": "ds004215",
    "modality": "T1w",
    "rec_id": "SCIC",
    "session_id": "01",
    "subject_id": "ON89045"
  },
  "cjv": 0.3727190270279828,
  "cnr": 3.561788014069723,
  "efc": 0.68748174458726,
  "fber": 7735.726348994212,
  "fwhm_avg": 3.3937333333333335,
  "fwhm_x": 3.32941,
  "fwhm_y": 3.58048,
  "fwhm_z": 3.27131,
  "icvs_csf": 0.2429003197281566,
  "icvs_gm": 0.40351190160169287,
  "icvs_wm": 0.35358777867015057,
  "inu_med": 0.4697504937648773,
  "inu_range": 0.0978273674845695,
  "provenance": {
    "md5sum": "5312de3cdee6a9f789f428a0147c6730",
    "settings": {
      "testing": false
    },
    "software": "mriqc",
    "version": "22.0.6",
    "warnings": {
      "large_rot_frame": true,
      "small_air_mask": false
    },
    "webapi_port": null,
    "webapi_url": "https://mriqc.nimh.nih.gov/api/v1"
  },
  "qi_1": 0.0,
  "qi_2": 0.0019221247311858403,
  "rpve_csf": 23.419048689980883,
  "rpve_gm": 13.834122077927418,
  "rpve_wm": 18.89672968744335,
  "size_x": 208,
  "size_y": 256,
  "size_z": 256,
  "snr_csf": 1.8376559501209038,
  "snr_gm": 8.454598090488437,
  "snr_total": 10.298078860117279,
  "snr_wm": 20.601982539742494,
  "snrd_csf": 12.866026355706335,
  "snrd_gm": 47.91823804857905,
  "snrd_total": 44.16940324360352,
  "snrd_wm": 71.72394532652517,
  "spacing_x": 1.0,
  "spacing_y": 1.0,
  "spacing_z": 1.0,
  "summary_bg_k": 37.535539254144005,
  "summary_bg_mad": 0.0,
  "summary_bg_mean": 5.223541483883004,
  "summary_bg_median": 0.0,
  "summary_bg_n": 940237.0,
  "summary_bg_p05": 0.0,
  "summary_bg_p95": 24.60859903693199,
  "summary_bg_stdv": 9.134137521978616,
  "summary_csf_k": 1.8394757760049183,
  "summary_csf_mad": 80.06378662753181,
  "summary_csf_mean": 198.02607574377885,
  "summary_csf_median": 179.38257452100515,
  "summary_csf_n": 47342.0,
  "summary_csf_p05": 74.92943544574082,
  "summary_csf_p95": 397.2204951804131,
  "summary_csf_stdv": 97.61385419274788,
  "summary_gm_k": 0.13281413117656582,
  "summary_gm_mad": 76.9253123456849,
  "summary_gm_mean": 668.3235311283632,
  "summary_gm_median": 668.0925928503275,
  "summary_gm_n": 24695.0,
  "summary_gm_p05": 536.9437544703484,
  "summary_gm_p95": 798.5225778892636,
  "summary_gm_stdv": 79.01961260408048,
  "summary_wm_k": 0.3529474091542957,
  "summary_wm_mad": 46.78288226378032,
  "summary_wm_mean": 1000.0981160669833,
  "summary_wm_median": 999.9999698251486,
  "summary_wm_n": 225005.0,
  "summary_wm_p05": 920.1984286829829,
  "summary_wm_p95": 1079.3340357884763,
  "summary_wm_stdv": 48.538908608472454,
  "tpm_overlap_csf": 0.1553325514018054,
  "tpm_overlap_gm": 0.4498452975373207,
  "tpm_overlap_wm": 0.5062981431992276,
  "wm2max": 0.8143585691710961
}