{
  "bids_meta": {
    "AcquisitionMatrixPE": 256,
    "AcquisitionNumber": 1,
    "AcquisitionTime": "15:36:52.000000",
    "BodyPartExamined": "BRAIN",
    "CoilString": "32Ch Head",
    "ConversionSoftware": "dcm2niix",
    "ConversionSoftwareVersion": "v1.0.20211006",
    "Dcm2bidsVersion": "2.1.6",
    "DeviceSerialNumber": "000301496MR3T6MR",
    "EchoTime": 0.066562,
    "EchoTrainLength": 140,
    "FlipAngle": 90,
    "ImageOrientationPatientDICOM": [
      0,
      1,
      0,
      0,
      0,
      -1
    ],
    "ImageType": [
      "ORIGINAL",
      "PRIMARY",
      "OTHER"
    ],
    "ImagingFrequency": 127.696,
    "InPlanePhaseEncodingDirectionDICOM": "ROW",
    "InstitutionName": "NIH FMRIF",
    "MRAcquisitionType": "3D",
    "MagneticFieldStrength": 3,
    "Manufacturer": "GE",
    "ManufacturersModelName": "DISCOVERY MR750",
    "Modality": "MR",
    "ParallelReductionFactorInPlane": 2,
    "ParallelReductionOutOfPlane": 1.5,
    "PatientPosition": "HFS",
    "PercentPhaseFOV": 100,
    "PercentSampling": 100,
    "PhaseEncodingAxis": "i",
    "PixelBandwidth": 244.141,
    "ProcedureStepDescription": "MRI Brain",
    "ProtocolName": "ADNI3 FMRIF Enhanced Pro",
    "ReconMatrixPE": 256,
    "RepetitionTime": 3.202,
    "SAR": 0.4543,
    "ScanOptions": "SAT_GEMS\\EDR_GEMS\\PROMO_GEMS\\ACC_GEMS\\FS\\FR_GEMS",
    "ScanningSequence": "RM",
    "SequenceVariant": "NONE",
    "SeriesDescription": "ORIG Anat T2w CUBE (ABCD)",
    "SeriesNumber": 40004,
    "SliceThickness": 1,
    "SoftwareVersions": "27\\LX\\MR Software release:DV26.0_R03_1831.b",
    "SpacingBetweenSlices": 1,
    "StationName": "FMRI3tb",
    "acq_id": "CUBE",
    "dataset": "ds004215",
    "modality": "T2w",
    "session_id": "01",
    "subject_id": "ON89045"
  },
  "cjv": 1.4190874556382314,
  "cnr": 0.9381101532215326,
  "efc": 0.42933193849400103,
  "fber": 5280.994963842975,
  "fwhm_avg": 2.390966666666667,
  "fwhm_x": 2.0019,
  "fwhm_y": 2.63355,
  "fwhm_z": 2.53745,
  "icvs_csf": 0.15626854429167553,
  "icvs_gm": 0.6408534569339939,
  "icvs_wm": 0.2028779987743306,
  "inu_med": 0.8766158521175385,
  "inu_range": 0.5364824026823043,
  "provenance": {
    "md5sum": "1311f15b0e4a9b6dcc72119adec3c072",
    "settings": {
      "testing": false
    },
    "software": "mriqc",
    "version": "22.0.6",
    "warnings": {
      "large_rot_frame": true,
      "small_air_mask": false
    },
    "webapi_port": null,
    "webapi_url": "https://mriqc.nimh.nih.gov/api/v1"
  },
  "qi_1": 0.0,
  "qi_2": 0.007926496910862115,
  "rpve_csf": 27.005112207764686,
  "rpve_gm": 10.464863676758476,
  "rpve_wm": 31.78626811171043,
  "size_x": 204,
  "size_y": 256,
  "size_z": 256,
  "snr_csf": 7.050178470106299,
  "snr_gm": 10.28018834795012,
  "snr_total": 6.346706373641406,
  "snr_wm": 1.709752302867797,
  "snrd_csf": 64.81130513684116,
  "snrd_gm": 41.262520599105194,
  "snrd_total": 65.94025619043735,
  "snrd_wm": 91.74694283536572,
  "spacing_x": 1.0,
  "spacing_y": 1.0,
  "spacing_z": 1.0,
  "summary_bg_k": 10.691371401538897,
  "summary_bg_mad": 7.143574021379052,
  "summary_bg_mean": 6.95544517296789,
  "summary_bg_median": 4.818267457187176,
  "summary_bg_n": 3424049.0,
  "summary_bg_p05": 0.0,
  "summary_bg_p95": 20.88913469016552,
  "summary_bg_stdv": 7.69726926182321,
  "summary_csf_k": 0.43219167557996574,
  "summary_csf_mad": 93.04394237783772,
  "summary_csf_mean": 722.3855188381809,
  "summary_csf_median": 706.6991784721613,
  "summary_csf_n": 1997.0,
  "summary_csf_p05": 585.5960660979151,
  "summary_csf_p95": 908.8150238066911,
  "summary_csf_stdv": 100.21338028628428,
  "summary_gm_k": 0.017551028713926886,
  "summary_gm_mad": 44.01506477768957,
  "summary_gm_mean": 451.47520028023644,
  "summary_gm_median": 449.9244282692671,
  "summary_gm_n": 387007.0,
  "summary_gm_p05": 382.2591939792037,
  "summary_gm_p95": 525.4305698499084,
  "summary_gm_stdv": 43.76610931174332,
  "summary_wm_k": -1.6120596082262193,
  "summary_wm_mad": 737.1635949763452,
  "summary_wm_mean": 782.9930253582958,
  "summary_wm_median": 1000.4040034711361,
  "summary_wm_n": 57644.0,
  "summary_wm_p05": 29.178948886692524,
  "summary_wm_p95": 1571.165192683786,
  "summary_wm_stdv": 585.1112610414895,
  "tpm_overlap_csf": 0.10487830057450392,
  "tpm_overlap_gm": 0.39243183723118913,
  "tpm_overlap_wm": 0.045838613496400164,
  "wm2max": 0.6318217333540007
}