{
  "aor": 0.04345888888888889,
  "aqi": 0.0018029007777777778,
  "bids_meta": {
    "AcquisitionMatrixPE": 64,
    "AcquisitionNumber": 1,
    "AcquisitionTime": "16:28:46.000000",
    "BodyPartExamined": "BRAIN",
    "CoilString": "32Ch Head",
    "ConversionSoftware": "dcm2niix",
    "ConversionSoftwareVersion": "v1.0.20211006",
    "Dcm2bidsVersion": "2.1.6",
    "DeviceSerialNumber": "000301496MR3T6MR",
    "EchoTime": 0.0169,
    "EffectiveEchoSpacing": 0.000416,
    "FlipAngle": 90,
    "ImageOrientationPatientDICOM": [
      1,
      0,
      0,
      0,
      1,
      0
    ],
    "ImageType": [
      "ORIGINAL",
      "PRIMARY",
      "OTHER"
    ],
    "ImagingFrequency": 127.696,
    "InPlanePhaseEncodingDirectionDICOM": "COL",
    "InstitutionName": "NIH FMRIF",
    "InternalPulseSequenceName": "EPI",
    "MRAcquisitionType": "2D",
    "MagneticFieldStrength": 3,
    "Manufacturer": "GE",
    "ManufacturersModelName": "DISCOVERY MR750",
    "Modality": "MR",
    "PatientPosition": "HFS",
    "PercentPhaseFOV": 100,
    "PercentSampling": 100,
    "PhaseEncodingDirection": "j",
    "PhaseEncodingPolarityGE": "Flipped",
    "PixelBandwidth": 7812.5,
    "ProcedureStepDescription": "MRI Brain",
    "ProtocolName": "ADNI3 FMRIF Enhanced Pro",
    "PulseSequenceName": "epi",
    "ReconMatrixPE": 64,
    "RepetitionTime": 3,
    "SAR": 0.17959,
    "ScanOptions": "MP_GEMS\\EPI_GEMS\\PFF",
    "ScanningSequence": "EP\\GR",
    "SequenceVariant": "SS",
    "SeriesDescription": "Axial rsfMRI reverse blip - RKV",
    "SeriesNumber": 11,
    "SliceThickness": 3.4,
    "SliceTiming": [
      0,
      1.5,
      0.0625,
      1.5625,
      0.125,
      1.625,
      0.1875,
      1.6875,
      0.25,
      1.75,
      0.3125,
      1.8125,
      0.375,
      1.875,
      0.4375,
      1.9375,
      0.5,
      2,
      0.5625,
      2.0625,
      0.625,
      2.125,
      0.6875,
      2.1875,
      0.75,
      2.25,
      0.8125,
      2.3125,
      0.875,
      2.375,
      0.9375,
      2.4375,
      1,
      2.5,
      1.0625,
      2.5625,
      1.125,
      2.625,
      1.1875,
      2.6875,
      1.25,
      2.75,
      1.3125,
      2.8125,
      1.375,
      2.875,
      1.4375,
      2.9375
    ],
    "SoftwareVersions": "27\\LX\\MR Software release:DV26.0_R03_1831.b",
    "SpacingBetweenSlices": 3.4,
    "StationName": "FMRI3tb",
    "TaskName": "Resting state with reverse blip.",
    "TotalReadoutTime": 0.026208,
    "TriggerDelayTime": 29938,
    "dataset": "ds004215",
    "modality": "bold",
    "session_id": "01",
    "subject_id": "ON02747",
    "task_id": "rest"
  },
  "dummy_trs": 1,
  "dvars_nstd": 12.569620013749999,
  "dvars_std": 1.1970404325000001,
  "dvars_vstd": 1.38187272125,
  "efc": 0.44237684427586227,
  "fber": 5005.0908203125,
  "fd_mean": 0.13568726938565143,
  "fd_num": 3,
  "fd_perc": 33.333333333333336,
  "fwhm_avg": 2.4590095083075023,
  "fwhm_x": 2.377541818181818,
  "fwhm_y": 2.3322967272727273,
  "fwhm_z": 2.6671899794679623,
  "gcor": 0.105289,
  "gsr_x": -0.008141964673995972,
  "gsr_y": 0.026112940162420273,
  "provenance": {
    "md5sum": "b27026e38850eae096126c2f93e2b88c",
    "settings": {
      "fd_thres": 0.2,
      "testing": false
    },
    "software": "mriqc",
    "version": "22.0.6",
    "webapi_port": null,
    "webapi_url": "https://mriqc.nimh.nih.gov/api/v1"
  },
  "size_t": 9,
  "size_x": 64,
  "size_y": 64,
  "size_z": 48,
  "snr": 5.0983276572656155,
  "spacing_tr": 3.0,
  "spacing_x": 3.4375,
  "spacing_y": 3.4375,
  "spacing_z": 3.4000015258789062,
  "summary_bg_k": 29.99539816428294,
  "summary_bg_mad": 11.201885942343939,
  "summary_bg_mean": 122.61109161376953,
  "summary_bg_median": 34.4444465637207,
  "summary_bg_n": 139315.0,
  "summary_bg_p05": 24.55555534362793,
  "summary_bg_p95": 546.6666870117188,
  "summary_bg_stdv": 233.00634765625,
  "summary_fg_k": 0.670778404391827,
  "summary_fg_mad": 441.48607439131973,
  "summary_fg_mean": 2435.94873046875,
  "summary_fg_median": 2403.111083984375,
  "summary_fg_n": 22715.0,
  "summary_fg_p05": 1706.300048828125,
  "summary_fg_p95": 3243.844482421875,
  "summary_fg_stdv": 471.3424377441406,
  "tsnr": 136.0833034850657
}