{
  "aor": 0.03135333333333333,
  "aqi": 0.0009311513333333332,
  "bids_meta": {
    "AcquisitionMatrixPE": 64,
    "AcquisitionNumber": 1,
    "AcquisitionTime": "16:02:37.000000",
    "BodyPartExamined": "BRAIN",
    "CoilString": "32Ch Head",
    "ConversionSoftware": "dcm2niix",
    "ConversionSoftwareVersion": "v1.0.20211006",
    "Dcm2bidsVersion": "2.1.6",
    "DeviceSerialNumber": "000301496MR3T6MR",
    "EchoTime": 0.0169,
    "EffectiveEchoSpacing": 0.000416,
    "FlipAngle": 90,
    "ImageOrientationPatientDICOM": [
      1,
      0,
      0,
      0,
      1,
      0
    ],
    "ImageType": [
      "ORIGINAL",
      "PRIMARY",
      "OTHER"
    ],
    "ImagingFrequency": 127.697,
    "InPlanePhaseEncodingDirectionDICOM": "COL",
    "InstitutionName": "NIH FMRIF",
    "InternalPulseSequenceName": "EPI",
    "MRAcquisitionType": "2D",
    "MagneticFieldStrength": 3,
    "Manufacturer": "GE",
    "ManufacturersModelName": "DISCOVERY MR750",
    "Modality": "MR",
    "PatientPosition": "HFS",
    "PercentPhaseFOV": 100,
    "PercentSampling": 100,
    "PhaseEncodingDirection": "j-",
    "PhaseEncodingPolarityGE": "Unflipped",
    "PixelBandwidth": 7812.5,
    "ProcedureStepDescription": "MRI Brain",
    "ProtocolName": "ADNI3 FMRIF Enhanced Pro",
    "PulseSequenceName": "epi",
    "ReconMatrixPE": 64,
    "RepetitionTime": 3,
    "SAR": 0.245936,
    "ScanOptions": "MP_GEMS\\EPI_GEMS\\PFF",
    "ScanningSequence": "EP\\GR",
    "SequenceVariant": "SS",
    "SeriesDescription": "Axial rsfMRI reverse blip - RKV",
    "SeriesNumber": 12,
    "SliceThickness": 3.4,
    "SliceTiming": [
      0,
      1.5,
      0.0625,
      1.5625,
      0.125,
      1.625,
      0.1875,
      1.6875,
      0.25,
      1.75,
      0.3125,
      1.8125,
      0.375,
      1.875,
      0.4375,
      1.9375,
      0.5,
      2,
      0.5625,
      2.0625,
      0.625,
      2.125,
      0.6875,
      2.1875,
      0.75,
      2.25,
      0.8125,
      2.3125,
      0.875,
      2.375,
      0.9375,
      2.4375,
      1,
      2.5,
      1.0625,
      2.5625,
      1.125,
      2.625,
      1.1875,
      2.6875,
      1.25,
      2.75,
      1.3125,
      2.8125,
      1.375,
      2.875,
      1.4375,
      2.9375
    ],
    "SoftwareVersions": "27\\LX\\MR Software release:DV26.0_R01_1725.a",
    "SpacingBetweenSlices": 3.4,
    "StationName": "fmrif3tb",
    "TaskName": "Resting state with reverse blip.",
    "TotalReadoutTime": 0.026208,
    "TriggerDelayTime": 29938,
    "dataset": "ds004215",
    "modality": "bold",
    "session_id": "01",
    "subject_id": "ON82798",
    "task_id": "rest"
  },
  "dummy_trs": 1,
  "dvars_nstd": 15.4596375225,
  "dvars_std": 1.57494178625,
  "dvars_vstd": 1.3086894599999999,
  "efc": 0.5119465333980552,
  "fber": 4549.2099609375,
  "fd_mean": 0.07449292404398106,
  "fd_num": 0,
  "fd_perc": 0.0,
  "fwhm_avg": 2.84152206208978,
  "fwhm_x": 2.7928436363636364,
  "fwhm_y": 2.738900363636364,
  "fwhm_z": 2.99282218626934,
  "gcor": 0.0125198,
  "gsr_x": -0.008516876958310604,
  "gsr_y": 0.0718134269118309,
  "provenance": {
    "md5sum": "50a88981d34be24235c500d3fc22998a",
    "settings": {
      "fd_thres": 0.2,
      "testing": false
    },
    "software": "mriqc",
    "version": "22.0.6",
    "webapi_port": null,
    "webapi_url": "https://mriqc.nimh.nih.gov/api/v1"
  },
  "size_t": 9,
  "size_x": 64,
  "size_y": 64,
  "size_z": 48,
  "snr": 3.873549683099428,
  "spacing_tr": 3.0,
  "spacing_x": 3.4375,
  "spacing_y": 3.4375,
  "spacing_z": 3.4000015258789062,
  "summary_bg_k": 11.547022396621417,
  "summary_bg_mad": 14.496553454366266,
  "summary_bg_mean": 182.62710571289062,
  "summary_bg_median": 39.33333206176758,
  "summary_bg_n": 123019.0,
  "summary_bg_p05": 24.66666603088379,
  "summary_bg_p95": 1030.2445068359355,
  "summary_bg_stdv": 359.9765319824219,
  "summary_fg_k": 1.177440264143681,
  "summary_fg_mad": 608.9375974198992,
  "summary_fg_mean": 2773.5244140625,
  "summary_fg_median": 2664.16650390625,
  "summary_fg_n": 33276.0,
  "summary_fg_p05": 1797.77783203125,
  "summary_fg_p95": 4039.1388549804688,
  "summary_fg_stdv": 687.77392578125,
  "tsnr": 185.76247008144855
}