{
  "bids_meta": {
    "AcquisitionMatrixPE": 256,
    "AcquisitionNumber": 1,
    "AcquisitionTime": "15:31:37.000000",
    "BodyPartExamined": "BRAIN",
    "CoilString": "32Ch Head",
    "ConversionSoftware": "dcm2niix",
    "ConversionSoftwareVersion": "v1.0.20211006",
    "Dcm2bidsVersion": "2.1.6",
    "DeviceSerialNumber": "000301496MR3T6MR",
    "EchoTime": 0.065821,
    "EchoTrainLength": 140,
    "FlipAngle": 90,
    "ImageOrientationPatientDICOM": [
      0,
      1,
      0,
      0,
      0,
      -1
    ],
    "ImageType": [
      "ORIGINAL",
      "PRIMARY",
      "OTHER"
    ],
    "ImagingFrequency": 127.697,
    "InPlanePhaseEncodingDirectionDICOM": "ROW",
    "InstitutionName": "NIH FMRIF",
    "MRAcquisitionType": "3D",
    "MagneticFieldStrength": 3,
    "Manufacturer": "GE",
    "ManufacturersModelName": "DISCOVERY MR750",
    "Modality": "MR",
    "ParallelReductionFactorInPlane": 2,
    "ParallelReductionOutOfPlane": 1.5,
    "PatientPosition": "HFS",
    "PercentPhaseFOV": 100,
    "PercentSampling": 100,
    "PhaseEncodingAxis": "i",
    "PixelBandwidth": 244.141,
    "ProcedureStepDescription": "MRI Brain",
    "ProtocolName": "ADNI3 FMRIF Enhanced Pro",
    "ReconMatrixPE": 256,
    "RepetitionTime": 3.202,
    "SAR": 0.4482,
    "ScanOptions": "SAT_GEMS\\EDR_GEMS\\PROMO_GEMS\\FILTERED_GEMS\\ACC_GEMS\\FS\\FR_GEMS",
    "ScanningSequence": "RM",
    "SequenceVariant": "NONE",
    "SeriesDescription": "Anat T2w CUBE (ABCD)",
    "SeriesNumber": 4,
    "SliceThickness": 1,
    "SoftwareVersions": "27\\LX\\MR Software release:DV26.0_R03_1831.b",
    "SpacingBetweenSlices": 1,
    "StationName": "FMRI3tb",
    "acq_id": "CUBE",
    "dataset": "ds004215",
    "modality": "T2w",
    "rec_id": "SCIC",
    "session_id": "01",
    "subject_id": "ON13545"
  },
  "cjv": 0.6549560236067599,
  "cnr": 1.2795823175913577,
  "efc": 0.4349453892933132,
  "fber": 2298.2291819775005,
  "fwhm_avg": 2.2689,
  "fwhm_x": 1.90283,
  "fwhm_y": 2.57427,
  "fwhm_z": 2.3296,
  "icvs_csf": 0.24990921526038568,
  "icvs_gm": 0.23190078386397509,
  "icvs_wm": 0.5181900008756393,
  "inu_med": 0.7974050641059875,
  "inu_range": 0.18862618207931514,
  "provenance": {
    "md5sum": "5ada257bb0dc3a3d9aab1881b506a806",
    "settings": {
      "testing": false
    },
    "software": "mriqc",
    "version": "22.0.6",
    "warnings": {
      "large_rot_frame": true,
      "small_air_mask": false
    },
    "webapi_port": null,
    "webapi_url": "https://mriqc.nimh.nih.gov/api/v1"
  },
  "qi_1": 0.0,
  "qi_2": 0.014842336353294855,
  "rpve_csf": 22.364526288237627,
  "rpve_gm": 32.10400627831622,
  "rpve_wm": 13.868863477891246,
  "size_x": 204,
  "size_y": 256,
  "size_z": 256,
  "snr_csf": 11.006619177478306,
  "snr_gm": 2.104250466162863,
  "snr_total": 8.007736866263183,
  "snr_wm": 10.912340955148379,
  "snrd_csf": 56.08194621006814,
  "snrd_gm": 100.66668047250523,
  "snrd_total": 65.34152429504663,
  "snrd_wm": 39.2759462025665,
  "spacing_x": 1.0,
  "spacing_y": 1.0,
  "spacing_z": 1.0,
  "summary_bg_k": 0.7024431078845179,
  "summary_bg_mad": 16.682100985917934,
  "summary_bg_mean": 14.551516482024752,
  "summary_bg_median": 11.619959130883217,
  "summary_bg_n": 2941150.0,
  "summary_bg_p05": 0.0,
  "summary_bg_p95": 35.22793039679527,
  "summary_bg_stdv": 12.751896971344369,
  "summary_csf_k": 0.41328564233074205,
  "summary_csf_mad": 122.42635326347717,
  "summary_csf_mean": 1432.1577319016174,
  "summary_csf_median": 1428.0456560850143,
  "summary_csf_n": 12102.0,
  "summary_csf_p05": 1225.0433926984667,
  "summary_csf_p95": 1653.0811496697365,
  "summary_csf_stdv": 129.7388990607709,
  "summary_gm_k": -1.4067749586425216,
  "summary_gm_mad": 931.6251816948842,
  "summary_gm_mean": 1979.3158153840866,
  "summary_gm_median": 2563.3314368724823,
  "summary_gm_n": 71283.0,
  "summary_gm_p05": 82.60160993039608,
  "summary_gm_p95": 3261.159932732582,
  "summary_gm_stdv": 1218.159861701467,
  "summary_wm_k": 0.036832044374707884,
  "summary_wm_mad": 92.21927788009774,
  "summary_wm_mean": 1001.1150342837357,
  "summary_wm_median": 1000.1051702648401,
  "summary_wm_n": 205829.0,
  "summary_wm_p05": 852.7262316048145,
  "summary_wm_p95": 1151.7955869734287,
  "summary_wm_stdv": 91.64878048771271,
  "tpm_overlap_csf": 0.09646941367137295,
  "tpm_overlap_gm": 0.1431704345218469,
  "tpm_overlap_wm": 0.45931945077366015,
  "wm2max": 0.3065233506300964
}