{
  "bids_meta": {
    "AcquisitionMatrixPE": 256,
    "AcquisitionNumber": 1,
    "AcquisitionTime": "15:25:4.000000",
    "BodyPartExamined": "BRAIN",
    "CoilString": "32Ch Head",
    "ConversionSoftware": "dcm2niix",
    "ConversionSoftwareVersion": "v1.0.20211006",
    "Dcm2bidsVersion": "2.1.6",
    "DeviceSerialNumber": "000301496MR3T6MR",
    "EchoTime": 0.00292,
    "FlipAngle": 8,
    "ImageOrientationPatientDICOM": [
      0,
      1,
      0,
      0,
      0,
      -1
    ],
    "ImageType": [
      "ORIGINAL",
      "PRIMARY",
      "OTHER"
    ],
    "ImagingFrequency": 127.697,
    "InPlanePhaseEncodingDirectionDICOM": "ROW",
    "InstitutionName": "NIH FMRIF",
    "InversionTime": 1.06,
    "MRAcquisitionType": "3D",
    "MagneticFieldStrength": 3,
    "Manufacturer": "GE",
    "ManufacturersModelName": "DISCOVERY MR750",
    "Modality": "MR",
    "ParallelReductionFactorInPlane": 2,
    "ParallelReductionOutOfPlane": 2,
    "PatientPosition": "HFS",
    "PercentPhaseFOV": 100,
    "PercentSampling": 100,
    "PixelBandwidth": 244.141,
    "ProcedureStepDescription": "MRI Brain",
    "ProtocolName": "ADNI3 FMRIF Enhanced Pro",
    "ReconMatrixPE": 256,
    "RepetitionTime": 0.006952,
    "SAR": 0.100791,
    "ScanOptions": "EDR_GEMS\\PROMO_GEMS\\FILTERED_GEMS\\ACC_GEMS\\IR_GEMS",
    "ScanningSequence": "RM",
    "SequenceVariant": "NONE",
    "SeriesDescription": "Anat T1w MP-RAGE 1mm (ABCD)",
    "SeriesNumber": 3,
    "SliceThickness": 1,
    "SoftwareVersions": "27\\LX\\MR Software release:DV26.0_R03_1831.b",
    "SpacingBetweenSlices": 1,
    "StationName": "FMRI3tb",
    "acq_id": "MPRAGE",
    "dataset": "ds004215",
    "modality": "T1w",
    "rec_id": "SCIC",
    "session_id": "01",
    "subject_id": "ON13545"
  },
  "cjv": 0.35170669610242844,
  "cnr": 3.7586148739045258,
  "efc": 0.6710892091942247,
  "fber": 16530.244899999998,
  "fwhm_avg": 3.58825,
  "fwhm_x": 3.57522,
  "fwhm_y": 3.77572,
  "fwhm_z": 3.41381,
  "icvs_csf": 0.24463443998956233,
  "icvs_gm": 0.4136973644252462,
  "icvs_wm": 0.34166819558519146,
  "inu_med": 0.4201226234436035,
  "inu_range": 0.05735566020011906,
  "provenance": {
    "md5sum": "3de86b58131972f45d7a1172c6cf2bc7",
    "settings": {
      "testing": false
    },
    "software": "mriqc",
    "version": "22.0.6",
    "warnings": {
      "large_rot_frame": true,
      "small_air_mask": false
    },
    "webapi_port": null,
    "webapi_url": "https://mriqc.nimh.nih.gov/api/v1"
  },
  "qi_1": 0.0,
  "qi_2": 0.003507704849620016,
  "rpve_csf": 26.3566265153991,
  "rpve_gm": 15.59748451685531,
  "rpve_wm": 22.256691450729164,
  "size_x": 208,
  "size_y": 256,
  "size_z": 256,
  "snr_csf": 1.6542080902606,
  "snr_gm": 8.212778847212233,
  "snr_total": 10.348237968456322,
  "snr_wm": 21.17772696789613,
  "snrd_csf": 15.27030823557232,
  "snrd_gm": 64.0327345492864,
  "snrd_total": 59.17389463965435,
  "snrd_wm": 98.21864113410435,
  "spacing_x": 1.0,
  "spacing_y": 1.0,
  "spacing_z": 1.0,
  "summary_bg_k": 9.65384339540414,
  "summary_bg_mad": 0.0,
  "summary_bg_mean": 3.390171779107095,
  "summary_bg_median": 0.0,
  "summary_bg_n": 656490.0,
  "summary_bg_p05": 0.0,
  "summary_bg_p95": 18.497519915923476,
  "summary_bg_stdv": 6.670026490373301,
  "summary_csf_k": 1.8082631179158657,
  "summary_csf_mad": 70.43499008059463,
  "summary_csf_mean": 179.48383166555877,
  "summary_csf_median": 155.46893814392388,
  "summary_csf_n": 46143.0,
  "summary_csf_p05": 71.20245852693915,
  "summary_csf_p95": 382.87031357008965,
  "summary_csf_stdv": 93.98288788902225,
  "summary_gm_k": 0.1339869796029829,
  "summary_gm_mad": 76.9145888697095,
  "summary_gm_mean": 652.4960341895973,
  "summary_gm_median": 651.9253634735942,
  "summary_gm_n": 29842.0,
  "summary_gm_p05": 522.0422988225706,
  "summary_gm_p95": 785.4465099471621,
  "summary_gm_stdv": 79.37805857917519,
  "summary_wm_k": 0.4244235327028085,
  "summary_wm_mad": 45.497290957082264,
  "summary_wm_mean": 999.6428853015151,
  "summary_wm_median": 999.9763991329819,
  "summary_wm_n": 196132.0,
  "summary_wm_p05": 921.6631443165243,
  "summary_wm_p95": 1075.903639247641,
  "summary_wm_stdv": 47.21818594612417,
  "tpm_overlap_csf": 0.1601047466871476,
  "tpm_overlap_gm": 0.4619349457874715,
  "tpm_overlap_wm": 0.51804620010022,
  "wm2max": 0.7253954381094374
}