{
  "aor": 0.0047401005025125625,
  "aqi": 0.002702950753768844,
  "bids_meta": {
    "AcquisitionMatrixPE": 64,
    "AcquisitionNumber": 1,
    "AcquisitionTime": "11:34:6.000000",
    "BodyPartExamined": "BRAIN",
    "CoilString": "32Ch Head",
    "ConversionSoftware": "dcm2niix",
    "ConversionSoftwareVersion": "v1.0.20211006",
    "Dcm2bidsVersion": "2.1.6",
    "DeviceSerialNumber": "000301496mr3T5mr",
    "EchoTime": 0.0169,
    "EffectiveEchoSpacing": 0.000416,
    "FlipAngle": 90,
    "ImageOrientationPatientDICOM": [
      1,
      0,
      0,
      0,
      1,
      0
    ],
    "ImageType": [
      "ORIGINAL",
      "PRIMARY",
      "OTHER"
    ],
    "ImagingFrequency": 127.824,
    "InPlanePhaseEncodingDirectionDICOM": "COL",
    "InstitutionName": "NIH FMRIF",
    "InternalPulseSequenceName": "EPI",
    "MRAcquisitionType": "2D",
    "MagneticFieldStrength": 3,
    "Manufacturer": "GE",
    "ManufacturersModelName": "DISCOVERY MR750",
    "Modality": "MR",
    "PatientPosition": "HFS",
    "PercentPhaseFOV": 100,
    "PercentSampling": 100,
    "PhaseEncodingDirection": "j",
    "PhaseEncodingPolarityGE": "Flipped",
    "PixelBandwidth": 7812.5,
    "ProtocolName": "ADNI3 FMRIF Enhanced Pro",
    "PulseSequenceName": "epi",
    "ReconMatrixPE": 64,
    "RepetitionTime": 3,
    "SAR": 0.190359,
    "ScanOptions": "MP_GEMS\\EPI_GEMS\\PFF",
    "ScanningSequence": "EP\\GR",
    "SequenceVariant": "SS",
    "SeriesDescription": "Axial rsfMRI with Eyes Open - RKV",
    "SeriesNumber": 10,
    "SliceThickness": 3.4,
    "SliceTiming": [
      0,
      1.5,
      0.0625,
      1.5625,
      0.125,
      1.625,
      0.1875,
      1.6875,
      0.25,
      1.75,
      0.3125,
      1.8125,
      0.375,
      1.875,
      0.4375,
      1.9375,
      0.5,
      2,
      0.5625,
      2.0625,
      0.625,
      2.125,
      0.6875,
      2.1875,
      0.75,
      2.25,
      0.8125,
      2.3125,
      0.875,
      2.375,
      0.9375,
      2.4375,
      1,
      2.5,
      1.0625,
      2.5625,
      1.125,
      2.625,
      1.1875,
      2.6875,
      1.25,
      2.75,
      1.3125,
      2.8125,
      1.375,
      2.875,
      1.4375,
      2.9375
    ],
    "SoftwareVersions": "27\\LX\\MR Software release:DV26.0_R03_1831.b",
    "SpacingBetweenSlices": 3.4,
    "StationName": "FMRI3ta",
    "TaskName": "Resting state with eyes open.",
    "TotalReadoutTime": 0.026208,
    "TriggerDelayTime": 599938,
    "dataset": "ds004215",
    "modality": "bold",
    "session_id": "01",
    "subject_id": "ON01802",
    "task_id": "rest"
  },
  "dummy_trs": 1,
  "dvars_nstd": 17.811476370101015,
  "dvars_std": 1.3493973794444447,
  "dvars_vstd": 0.987792416010102,
  "efc": 0.5145052752098509,
  "fber": 3299.20068359375,
  "fd_mean": 0.1846326775554782,
  "fd_num": 72,
  "fd_perc": 36.18090452261306,
  "fwhm_avg": 2.819464676090199,
  "fwhm_x": 2.5925469090909092,
  "fwhm_y": 2.7257861818181817,
  "fwhm_z": 3.1400609373615067,
  "gcor": 0.0437068,
  "gsr_x": 0.009056635200977325,
  "gsr_y": 0.06313931196928024,
  "provenance": {
    "md5sum": "1eddfb67f599cbd43e7a25ef63b2892f",
    "settings": {
      "fd_thres": 0.2,
      "testing": false
    },
    "software": "mriqc",
    "version": "22.0.6",
    "webapi_port": null,
    "webapi_url": "https://mriqc.nimh.nih.gov/api/v1"
  },
  "size_t": 199,
  "size_x": 64,
  "size_y": 64,
  "size_z": 48,
  "snr": 3.957467440702581,
  "spacing_tr": 3.0,
  "spacing_x": 3.4375,
  "spacing_y": 3.4375,
  "spacing_z": 3.3999977111816406,
  "summary_bg_k": 11.613004109910664,
  "summary_bg_mad": 17.91043136052945,
  "summary_bg_mean": 187.39439392089844,
  "summary_bg_median": 40.78392028808594,
  "summary_bg_n": 124453.0,
  "summary_bg_p05": 24.396984100341797,
  "summary_bg_p95": 998.0783935546868,
  "summary_bg_stdv": 352.3483581542969,
  "summary_fg_k": 1.2842629401199384,
  "summary_fg_mad": 549.8256207713431,
  "summary_fg_mean": 2471.0927734375,
  "summary_fg_median": 2397.027587890625,
  "summary_fg_n": 29788.0,
  "summary_fg_p05": 1609.7384033203125,
  "summary_fg_p95": 3540.0099853515617,
  "summary_fg_stdv": 605.6871948242188,
  "tsnr": 93.09594098478556
}