{
  "aor": 0.03356111111111111,
  "aqi": 0.0014240935555555555,
  "bids_meta": {
    "AcquisitionMatrixPE": 64,
    "AcquisitionNumber": 1,
    "AcquisitionTime": "11:44:57.000000",
    "BodyPartExamined": "BRAIN",
    "CoilString": "32Ch Head",
    "ConversionSoftware": "dcm2niix",
    "ConversionSoftwareVersion": "v1.0.20211006",
    "Dcm2bidsVersion": "2.1.6",
    "DeviceSerialNumber": "000301496mr3T5mr",
    "EchoTime": 0.0169,
    "EffectiveEchoSpacing": 0.000416,
    "FlipAngle": 90,
    "ImageOrientationPatientDICOM": [
      1,
      0,
      0,
      0,
      1,
      0
    ],
    "ImageType": [
      "ORIGINAL",
      "PRIMARY",
      "OTHER"
    ],
    "ImagingFrequency": 127.824,
    "InPlanePhaseEncodingDirectionDICOM": "COL",
    "InstitutionName": "NIH FMRIF",
    "InternalPulseSequenceName": "EPI",
    "MRAcquisitionType": "2D",
    "MagneticFieldStrength": 3,
    "Manufacturer": "GE",
    "ManufacturersModelName": "DISCOVERY MR750",
    "Modality": "MR",
    "PatientPosition": "HFS",
    "PercentPhaseFOV": 100,
    "PercentSampling": 100,
    "PhaseEncodingDirection": "j-",
    "PhaseEncodingPolarityGE": "Unflipped",
    "PixelBandwidth": 7812.5,
    "ProtocolName": "ADNI3 FMRIF Enhanced Pro",
    "PulseSequenceName": "epi",
    "ReconMatrixPE": 64,
    "RepetitionTime": 3,
    "SAR": 0.190359,
    "ScanOptions": "MP_GEMS\\EPI_GEMS\\PFF",
    "ScanningSequence": "EP\\GR",
    "SequenceVariant": "SS",
    "SeriesDescription": "Axial rsfMRI reverse blip - RKV",
    "SeriesNumber": 11,
    "SliceThickness": 3.4,
    "SliceTiming": [
      0,
      1.5,
      0.0625,
      1.5625,
      0.125,
      1.625,
      0.1875,
      1.6875,
      0.25,
      1.75,
      0.3125,
      1.8125,
      0.375,
      1.875,
      0.4375,
      1.9375,
      0.5,
      2,
      0.5625,
      2.0625,
      0.625,
      2.125,
      0.6875,
      2.1875,
      0.75,
      2.25,
      0.8125,
      2.3125,
      0.875,
      2.375,
      0.9375,
      2.4375,
      1,
      2.5,
      1.0625,
      2.5625,
      1.125,
      2.625,
      1.1875,
      2.6875,
      1.25,
      2.75,
      1.3125,
      2.8125,
      1.375,
      2.875,
      1.4375,
      2.9375
    ],
    "SoftwareVersions": "27\\LX\\MR Software release:DV26.0_R03_1831.b",
    "SpacingBetweenSlices": 3.4,
    "StationName": "FMRI3ta",
    "TaskName": "Resting state with reverse blip.",
    "TotalReadoutTime": 0.026208,
    "TriggerDelayTime": 29938,
    "dataset": "ds004215",
    "modality": "bold",
    "session_id": "01",
    "subject_id": "ON01802",
    "task_id": "rest"
  },
  "dummy_trs": 1,
  "dvars_nstd": 17.38874459125,
  "dvars_std": 1.4626773612500004,
  "dvars_vstd": 1.3092976812500001,
  "efc": 0.5128077439877361,
  "fber": 3573.765380859375,
  "fd_mean": 0.15115170186679788,
  "fd_num": 2,
  "fd_perc": 22.22222222222222,
  "fwhm_avg": 2.876128909428792,
  "fwhm_x": 2.719872,
  "fwhm_y": 2.8407185454545454,
  "fwhm_z": 3.0677961828318314,
  "gcor": 0.0503377,
  "gsr_x": 0.009069381281733513,
  "gsr_y": 0.05385405197739601,
  "provenance": {
    "md5sum": "a59020e9306f762561095b57ff0ec39b",
    "settings": {
      "fd_thres": 0.2,
      "testing": false
    },
    "software": "mriqc",
    "version": "22.0.6",
    "webapi_port": null,
    "webapi_url": "https://mriqc.nimh.nih.gov/api/v1"
  },
  "size_t": 9,
  "size_x": 64,
  "size_y": 64,
  "size_z": 48,
  "snr": 4.056701239309794,
  "spacing_tr": 3.0,
  "spacing_x": 3.4375,
  "spacing_y": 3.4375,
  "spacing_z": 3.3999977111816406,
  "summary_bg_k": 12.177323954157213,
  "summary_bg_mad": 16.1438914521364,
  "summary_bg_mean": 184.1876983642578,
  "summary_bg_median": 39.22222137451172,
  "summary_bg_n": 124076.0,
  "summary_bg_p05": 23.0,
  "summary_bg_p95": 1003.4444580078125,
  "summary_bg_stdv": 353.51861572265625,
  "summary_fg_k": 1.1498163335639484,
  "summary_fg_mad": 527.3123097029699,
  "summary_fg_mean": 2484.650390625,
  "summary_fg_median": 2410.22216796875,
  "summary_fg_n": 29585.0,
  "summary_fg_p05": 1609.022216796875,
  "summary_fg_p95": 3559.199951171875,
  "summary_fg_stdv": 594.1234741210938,
  "tsnr": 140.73563357815146
}