{
  "bids_meta": {
    "AcquisitionMatrixPE": 256,
    "AcquisitionNumber": 1,
    "AcquisitionTime": "09:26:49.000000",
    "BodyPartExamined": "BRAIN",
    "CoilString": "32Ch Head",
    "ConversionSoftware": "dcm2niix",
    "ConversionSoftwareVersion": "v1.0.20211006",
    "Dcm2bidsVersion": "2.1.6",
    "DeviceSerialNumber": "000301496mr3T5mr",
    "EchoTime": 0.00292,
    "FlipAngle": 8,
    "ImageOrientationPatientDICOM": [
      0,
      1,
      0,
      0,
      0,
      -1
    ],
    "ImageType": [
      "ORIGINAL",
      "PRIMARY",
      "OTHER"
    ],
    "ImagingFrequency": 127.824,
    "InPlanePhaseEncodingDirectionDICOM": "ROW",
    "InstitutionName": "NIH FMRIF",
    "InversionTime": 1.06,
    "MRAcquisitionType": "3D",
    "MagneticFieldStrength": 3,
    "Manufacturer": "GE",
    "ManufacturersModelName": "DISCOVERY MR750",
    "Modality": "MR",
    "ParallelReductionFactorInPlane": 2,
    "ParallelReductionOutOfPlane": 2,
    "PatientPosition": "HFS",
    "PercentPhaseFOV": 100,
    "PercentSampling": 100,
    "PixelBandwidth": 244.141,
    "ProcedureStepDescription": "MRI Brain",
    "ProtocolName": "ADNI3 FMRIF Enhanced Pro",
    "ReconMatrixPE": 256,
    "RepetitionTime": 0.006952,
    "SAR": 0.0994463,
    "ScanOptions": "EDR_GEMS\\PROMO_GEMS\\ACC_GEMS\\IR_GEMS",
    "ScanningSequence": "RM",
    "SequenceVariant": "NONE",
    "SeriesDescription": "ORIG Anat T1w MP-RAGE 1mm (ABCD)",
    "SeriesNumber": 40003,
    "SliceThickness": 1,
    "SoftwareVersions": "27\\LX\\MR Software release:DV26.0_R03_1831.b",
    "SpacingBetweenSlices": 1,
    "StationName": "FMRI3ta",
    "acq_id": "MPRAGE",
    "dataset": "ds004215",
    "modality": "T1w",
    "session_id": "01",
    "subject_id": "ON52083"
  },
  "cjv": 0.35488029033402635,
  "cnr": 3.780862382429119,
  "efc": 0.4226612995994785,
  "fber": 6129.493178161299,
  "fwhm_avg": 3.5307133333333334,
  "fwhm_x": 3.45485,
  "fwhm_y": 3.6432,
  "fwhm_z": 3.49409,
  "icvs_csf": 0.21714213832576057,
  "icvs_gm": 0.45410965789060687,
  "icvs_wm": 0.32874820378363256,
  "inu_med": 0.8560521900653839,
  "inu_range": 0.4703971564769742,
  "provenance": {
    "md5sum": "1c226be7601695a803c180c3a0445a6c",
    "settings": {
      "testing": false
    },
    "software": "mriqc",
    "version": "22.0.6",
    "warnings": {
      "large_rot_frame": true,
      "small_air_mask": false
    },
    "webapi_port": null,
    "webapi_url": "https://mriqc.nimh.nih.gov/api/v1"
  },
  "qi_1": 0.0,
  "qi_2": 0.0014733129645142782,
  "rpve_csf": 29.491468705532178,
  "rpve_gm": 14.806656402507326,
  "rpve_wm": 22.908565935282002,
  "size_x": 208,
  "size_y": 256,
  "size_z": 256,
  "snr_csf": 1.1755031132189735,
  "snr_gm": 8.447015052498912,
  "snr_total": 9.009715643001247,
  "snr_wm": 17.406628763285855,
  "snrd_csf": 5.746258013575249,
  "snrd_gm": 29.45736763083188,
  "snrd_total": 27.130355858512726,
  "snrd_wm": 46.18744193113104,
  "spacing_x": 1.0,
  "spacing_y": 1.0,
  "spacing_z": 1.0,
  "summary_bg_k": 1.795263369270942,
  "summary_bg_mad": 14.184296942068904,
  "summary_bg_mean": 13.883177691427521,
  "summary_bg_median": 9.567162901163101,
  "summary_bg_n": 4131208.0,
  "summary_bg_p05": 0.0,
  "summary_bg_p95": 39.69601058587432,
  "summary_bg_stdv": 13.31870862351917,
  "summary_csf_k": 1.179266698049049,
  "summary_csf_mad": 78.35680165578387,
  "summary_csf_mean": 156.50681396809964,
  "summary_csf_median": 124.41169498488307,
  "summary_csf_n": 33680.0,
  "summary_csf_p05": 38.38438341394067,
  "summary_csf_p95": 377.2471210099757,
  "summary_csf_stdv": 105.83540494718343,
  "summary_gm_k": 0.07981675400429467,
  "summary_gm_mad": 74.38176682726052,
  "summary_gm_mean": 636.8277312972843,
  "summary_gm_median": 637.7787123527378,
  "summary_gm_n": 30648.0,
  "summary_gm_p05": 510.2229698821902,
  "summary_gm_p95": 759.6886713935062,
  "summary_gm_stdv": 75.50221035533842,
  "summary_wm_k": 0.5976883310193482,
  "summary_wm_mad": 54.16342421023892,
  "summary_wm_mean": 999.4830306686052,
  "summary_wm_median": 999.9999867901206,
  "summary_wm_n": 165810.0,
  "summary_wm_p05": 904.4055123180151,
  "summary_wm_p95": 1091.6210024766624,
  "summary_wm_stdv": 57.44920425919256,
  "tpm_overlap_csf": 0.14592274826015103,
  "tpm_overlap_gm": 0.46852871696320786,
  "tpm_overlap_wm": 0.49371127007007676,
  "wm2max": 0.5087407906892062
}