{
  "bids_meta": {
    "AcquisitionMatrixPE": 256,
    "AcquisitionNumber": 1,
    "AcquisitionTime": "09:26:49.000000",
    "BodyPartExamined": "BRAIN",
    "CoilString": "32Ch Head",
    "ConversionSoftware": "dcm2niix",
    "ConversionSoftwareVersion": "v1.0.20211006",
    "Dcm2bidsVersion": "2.1.6",
    "DeviceSerialNumber": "000301496mr3T5mr",
    "EchoTime": 0.00292,
    "FlipAngle": 8,
    "ImageOrientationPatientDICOM": [
      0,
      1,
      0,
      0,
      0,
      -1
    ],
    "ImageType": [
      "ORIGINAL",
      "PRIMARY",
      "OTHER"
    ],
    "ImagingFrequency": 127.824,
    "InPlanePhaseEncodingDirectionDICOM": "ROW",
    "InstitutionName": "NIH FMRIF",
    "InversionTime": 1.06,
    "MRAcquisitionType": "3D",
    "MagneticFieldStrength": 3,
    "Manufacturer": "GE",
    "ManufacturersModelName": "DISCOVERY MR750",
    "Modality": "MR",
    "ParallelReductionFactorInPlane": 2,
    "ParallelReductionOutOfPlane": 2,
    "PatientPosition": "HFS",
    "PercentPhaseFOV": 100,
    "PercentSampling": 100,
    "PixelBandwidth": 244.141,
    "ProcedureStepDescription": "MRI Brain",
    "ProtocolName": "ADNI3 FMRIF Enhanced Pro",
    "ReconMatrixPE": 256,
    "RepetitionTime": 0.006952,
    "SAR": 0.0994463,
    "ScanOptions": "EDR_GEMS\\PROMO_GEMS\\FILTERED_GEMS\\ACC_GEMS\\IR_GEMS",
    "ScanningSequence": "RM",
    "SequenceVariant": "NONE",
    "SeriesDescription": "Anat T1w MP-RAGE 1mm (ABCD)",
    "SeriesNumber": 3,
    "SliceThickness": 1,
    "SoftwareVersions": "27\\LX\\MR Software release:DV26.0_R03_1831.b",
    "SpacingBetweenSlices": 1,
    "StationName": "FMRI3ta",
    "acq_id": "MPRAGE",
    "dataset": "ds004215",
    "modality": "T1w",
    "rec_id": "SCIC",
    "session_id": "01",
    "subject_id": "ON52083"
  },
  "cjv": 0.34501115785357134,
  "cnr": 3.897477112903404,
  "efc": 0.6541130312883074,
  "fber": 15172.442906574395,
  "fwhm_avg": 3.3138,
  "fwhm_x": 3.21061,
  "fwhm_y": 3.4784,
  "fwhm_z": 3.25239,
  "icvs_csf": 0.2230884674515816,
  "icvs_gm": 0.4536115438244882,
  "icvs_wm": 0.32329998872393023,
  "inu_med": 0.5308852195739746,
  "inu_range": 0.07068399786949159,
  "provenance": {
    "md5sum": "7a5d0ae2184f4980c1942a5eb36d21c5",
    "settings": {
      "testing": false
    },
    "software": "mriqc",
    "version": "22.0.6",
    "warnings": {
      "large_rot_frame": true,
      "small_air_mask": false
    },
    "webapi_port": null,
    "webapi_url": "https://mriqc.nimh.nih.gov/api/v1"
  },
  "qi_1": 0.0,
  "qi_2": 0.004505791445863287,
  "rpve_csf": 28.586454398386895,
  "rpve_gm": 14.77123401122665,
  "rpve_wm": 23.212961647423334,
  "size_x": 208,
  "size_y": 256,
  "size_z": 256,
  "snr_csf": 1.7221552780129012,
  "snr_gm": 9.004928281471624,
  "snr_total": 9.762091591259736,
  "snr_wm": 18.55919121429468,
  "snrd_csf": 8.406824401262389,
  "snrd_gm": 31.152408985500657,
  "snrd_total": 29.25474286410874,
  "snrd_wm": 48.20499520556318,
  "spacing_x": 1.0,
  "spacing_y": 1.0,
  "spacing_z": 1.0,
  "summary_bg_k": 4.214725534692989,
  "summary_bg_mad": 0.0,
  "summary_bg_mean": 8.618594122709528,
  "summary_bg_median": 0.0,
  "summary_bg_n": 1020508.0,
  "summary_bg_p05": 0.0,
  "summary_bg_p95": 39.940518820658326,
  "summary_bg_stdv": 13.590632739835215,
  "summary_csf_k": 1.0418201374308937,
  "summary_csf_mad": 82.50001212574223,
  "summary_csf_mean": 201.5230679314259,
  "summary_csf_median": 174.39736663363874,
  "summary_csf_n": 39771.0,
  "summary_csf_p05": 80.98977183457464,
  "summary_csf_p95": 400.84002069197595,
  "summary_csf_stdv": 101.26565027389726,
  "summary_gm_k": 0.13581726274951134,
  "summary_gm_mad": 70.06505952451104,
  "summary_gm_mean": 646.7684463683792,
  "summary_gm_median": 646.2485514208674,
  "summary_gm_n": 33914.0,
  "summary_gm_p05": 527.3648536470719,
  "summary_gm_p95": 764.948329757899,
  "summary_gm_stdv": 71.76503836521812,
  "summary_wm_k": 0.44865975050439033,
  "summary_wm_mad": 51.983130003280614,
  "summary_wm_mean": 999.3207073413782,
  "summary_wm_median": 999.9999787285924,
  "summary_wm_n": 167110.0,
  "summary_wm_p05": 909.6694474141113,
  "summary_wm_p95": 1085.6725220382214,
  "summary_wm_stdv": 53.88149597342316,
  "tpm_overlap_csf": 0.14535561076852493,
  "tpm_overlap_gm": 0.4701523159795878,
  "tpm_overlap_wm": 0.49518404841775293,
  "wm2max": 0.634383688600556
}