{
  "bids_meta": {
    "AcquisitionMatrixPE": 256,
    "AcquisitionNumber": 1,
    "AcquisitionTime": "15:18:6.000000",
    "BodyPartExamined": "BRAIN",
    "CoilString": "32Ch Head",
    "ConversionSoftware": "dcm2niix",
    "ConversionSoftwareVersion": "v1.0.20211006",
    "Dcm2bidsVersion": "2.1.6",
    "DeviceSerialNumber": "000301496MR3T6MR",
    "EchoTime": 0.065956,
    "EchoTrainLength": 140,
    "FlipAngle": 90,
    "ImageOrientationPatientDICOM": [
      0,
      1,
      0,
      0,
      0,
      -1
    ],
    "ImageType": [
      "ORIGINAL",
      "PRIMARY",
      "OTHER"
    ],
    "ImagingFrequency": 127.697,
    "InPlanePhaseEncodingDirectionDICOM": "ROW",
    "InstitutionName": "NIH FMRIF",
    "MRAcquisitionType": "3D",
    "MagneticFieldStrength": 3,
    "Manufacturer": "GE",
    "ManufacturersModelName": "DISCOVERY MR750",
    "Modality": "MR",
    "ParallelReductionFactorInPlane": 2,
    "ParallelReductionOutOfPlane": 1.5,
    "PatientPosition": "HFS",
    "PercentPhaseFOV": 100,
    "PercentSampling": 100,
    "PhaseEncodingAxis": "i",
    "PixelBandwidth": 244.141,
    "ProcedureStepDescription": "MRI Brain",
    "ProtocolName": "ADNI3 FMRIF Enhanced Pro",
    "ReconMatrixPE": 256,
    "RepetitionTime": 3.202,
    "SAR": 0.4476,
    "ScanOptions": "SAT_GEMS\\EDR_GEMS\\PROMO_GEMS\\FILTERED_GEMS\\ACC_GEMS\\FS\\FR_GEMS",
    "ScanningSequence": "RM",
    "SequenceVariant": "NONE",
    "SeriesDescription": "Anat T2w CUBE (ABCD)",
    "SeriesNumber": 4,
    "SliceThickness": 1,
    "SoftwareVersions": "27\\LX\\MR Software release:DV26.0_R03_1831.b",
    "SpacingBetweenSlices": 1,
    "StationName": "FMRI3tb",
    "acq_id": "CUBE",
    "dataset": "ds004215",
    "modality": "T2w",
    "rec_id": "SCIC",
    "session_id": "01",
    "subject_id": "ON85305"
  },
  "cjv": 0.42189017446464205,
  "cnr": 1.4698264506493126,
  "efc": 0.4121910088727152,
  "fber": 9432.253933376736,
  "fwhm_avg": 2.265756666666667,
  "fwhm_x": 1.85129,
  "fwhm_y": 2.56253,
  "fwhm_z": 2.38345,
  "icvs_csf": 0.15809802547940316,
  "icvs_gm": 0.23610747253102102,
  "icvs_wm": 0.6057945019895759,
  "inu_med": 0.7527066767215729,
  "inu_range": 0.16443514823913574,
  "provenance": {
    "md5sum": "79bb67e51f08f15b320adfdcdc09338f",
    "settings": {
      "testing": false
    },
    "software": "mriqc",
    "version": "22.0.6",
    "warnings": {
      "large_rot_frame": true,
      "small_air_mask": false
    },
    "webapi_port": null,
    "webapi_url": "https://mriqc.nimh.nih.gov/api/v1"
  },
  "qi_1": 0.0,
  "qi_2": 0.00971490784965143,
  "rpve_csf": 32.670429882625065,
  "rpve_gm": 30.883269401823437,
  "rpve_wm": 12.418406248917199,
  "size_x": 204,
  "size_y": 256,
  "size_z": 256,
  "snr_csf": 10.226595491695683,
  "snr_gm": 2.3433667729156733,
  "snr_total": 7.714321282973162,
  "snr_wm": 10.573001584308132,
  "snrd_csf": 86.75286066749202,
  "snrd_gm": 167.80612290694745,
  "snrd_total": 105.58471993156057,
  "snrd_wm": 62.19517622024224,
  "spacing_x": 1.0,
  "spacing_y": 1.0,
  "spacing_z": 1.0,
  "summary_bg_k": 243.25022190037953,
  "summary_bg_mad": 0.0,
  "summary_bg_mean": 6.109730925767213,
  "summary_bg_median": 0.0,
  "summary_bg_n": 3236448.0,
  "summary_bg_p05": 0.0,
  "summary_bg_p95": 21.5091859921813,
  "summary_bg_stdv": 10.535155910200842,
  "summary_csf_k": 1.5135838882797659,
  "summary_csf_mad": 117.57870890751454,
  "summary_csf_mean": 1404.3105756805887,
  "summary_csf_median": 1395.0604985281825,
  "summary_csf_n": 3693.0,
  "summary_csf_p05": 1194.959275996685,
  "summary_csf_p95": 1636.3581384658812,
  "summary_csf_stdv": 136.39647797208295,
  "summary_gm_k": -1.10204212546077,
  "summary_gm_mad": 621.1337283576295,
  "summary_gm_mean": 2085.2917509893737,
  "summary_gm_median": 2698.466559804976,
  "summary_gm_n": 69195.0,
  "summary_gm_p05": 87.40320990234613,
  "summary_gm_p95": 3171.7698713317513,
  "summary_gm_stdv": 1151.5256988036133,
  "summary_wm_k": 0.04083903885743734,
  "summary_wm_mad": 95.36856351081748,
  "summary_wm_mean": 1002.3700531224023,
  "summary_wm_median": 1000.1518437117338,
  "summary_wm_n": 320773.0,
  "summary_wm_p05": 851.8143751397729,
  "summary_wm_p95": 1161.0911647826433,
  "summary_wm_stdv": 94.59473516238958,
  "tpm_overlap_csf": 0.0927797900049842,
  "tpm_overlap_gm": 0.13552271851727354,
  "tpm_overlap_wm": 0.4367482225445441,
  "wm2max": 0.31619705915294644
}