{
  "bids_meta": {
    "AcquisitionMatrixPE": 256,
    "AcquisitionNumber": 1,
    "AcquisitionTime": "15:11:21.000000",
    "BodyPartExamined": "BRAIN",
    "CoilString": "32Ch Head",
    "ConversionSoftware": "dcm2niix",
    "ConversionSoftwareVersion": "v1.0.20211006",
    "Dcm2bidsVersion": "2.1.6",
    "DeviceSerialNumber": "000301496MR3T6MR",
    "EchoTime": 0.00292,
    "FlipAngle": 8,
    "ImageOrientationPatientDICOM": [
      0,
      1,
      0,
      0,
      0,
      -1
    ],
    "ImageType": [
      "ORIGINAL",
      "PRIMARY",
      "OTHER"
    ],
    "ImagingFrequency": 127.696,
    "InPlanePhaseEncodingDirectionDICOM": "ROW",
    "InstitutionName": "NIH FMRIF",
    "InversionTime": 1.06,
    "MRAcquisitionType": "3D",
    "MagneticFieldStrength": 3,
    "Manufacturer": "GE",
    "ManufacturersModelName": "DISCOVERY MR750",
    "Modality": "MR",
    "ParallelReductionFactorInPlane": 2,
    "ParallelReductionOutOfPlane": 2,
    "PatientPosition": "HFS",
    "PercentPhaseFOV": 100,
    "PercentSampling": 100,
    "PixelBandwidth": 244.141,
    "ProcedureStepDescription": "MRI Brain",
    "ProtocolName": "ADNI3 FMRIF Enhanced Pro",
    "ReconMatrixPE": 256,
    "RepetitionTime": 0.006952,
    "SAR": 0.104283,
    "ScanOptions": "EDR_GEMS\\PROMO_GEMS\\ACC_GEMS\\IR_GEMS",
    "ScanningSequence": "RM",
    "SequenceVariant": "NONE",
    "SeriesDescription": "ORIG Anat T1w MP-RAGE 1mm (ABCD)",
    "SeriesNumber": 40003,
    "SliceThickness": 1,
    "SoftwareVersions": "27\\LX\\MR Software release:DV26.0_R03_1831.b",
    "SpacingBetweenSlices": 1,
    "StationName": "FMRI3tb",
    "acq_id": "MPRAGE",
    "dataset": "ds004215",
    "modality": "T1w",
    "session_id": "01",
    "subject_id": "ON85305"
  },
  "cjv": 0.3789797805730611,
  "cnr": 3.524541547611599,
  "efc": 0.42393200119368485,
  "fber": 6166.736530612245,
  "fwhm_avg": 3.7511200000000002,
  "fwhm_x": 3.65401,
  "fwhm_y": 3.89529,
  "fwhm_z": 3.70406,
  "icvs_csf": 0.24860330129363997,
  "icvs_gm": 0.4109645000109787,
  "icvs_wm": 0.3404321986953814,
  "inu_med": 0.8463433980941772,
  "inu_range": 0.5262364149093629,
  "provenance": {
    "md5sum": "1ff864b5116cc7f99421f01d0a2c8914",
    "settings": {
      "testing": false
    },
    "software": "mriqc",
    "version": "22.0.6",
    "warnings": {
      "large_rot_frame": true,
      "small_air_mask": false
    },
    "webapi_port": null,
    "webapi_url": "https://mriqc.nimh.nih.gov/api/v1"
  },
  "qi_1": 0.0,
  "qi_2": 0.001665529011226618,
  "rpve_csf": 26.101441430682073,
  "rpve_gm": 15.507309643852572,
  "rpve_wm": 21.95319096583698,
  "size_x": 208,
  "size_y": 256,
  "size_z": 256,
  "snr_csf": 1.1866459548443833,
  "snr_gm": 8.062817379308475,
  "snr_total": 9.447111560748112,
  "snr_wm": 19.091871348091477,
  "snrd_csf": 6.597437472819273,
  "snrd_gm": 36.10904676397011,
  "snrd_total": 32.57433854247304,
  "snrd_wm": 55.01653139062975,
  "spacing_x": 1.0,
  "spacing_y": 1.0,
  "spacing_z": 1.0,
  "summary_bg_k": 1.7074741035857572,
  "summary_bg_mad": 11.907991763488829,
  "summary_bg_mean": 11.932684582660164,
  "summary_bg_median": 8.031818389892578,
  "summary_bg_n": 4327545.0,
  "summary_bg_p05": 0.0,
  "summary_bg_p95": 34.28968620300293,
  "summary_bg_stdv": 11.755852039842658,
  "summary_csf_k": 2.4731759814092893,
  "summary_csf_mad": 69.98807659069756,
  "summary_csf_mean": 147.64899665272674,
  "summary_csf_median": 119.91736543178558,
  "summary_csf_n": 48172.0,
  "summary_csf_p05": 36.18179726600647,
  "summary_csf_p95": 369.0775008201599,
  "summary_csf_stdv": 101.05467452752468,
  "summary_gm_k": 0.12558176069078808,
  "summary_gm_mad": 79.8064447995357,
  "summary_gm_mean": 655.2697318490956,
  "summary_gm_median": 656.3308517932892,
  "summary_gm_n": 23740.0,
  "summary_gm_p05": 519.4424085617065,
  "summary_gm_p95": 787.9696521878242,
  "summary_gm_stdv": 81.40045811034457,
  "summary_wm_k": 0.38496441786007285,
  "summary_wm_mad": 50.43721511362335,
  "summary_wm_mean": 1000.0275751949799,
  "summary_wm_median": 1000.0000040531158,
  "summary_wm_n": 192129.0,
  "summary_wm_p05": 914.430246591568,
  "summary_wm_p95": 1085.4153034687042,
  "summary_wm_stdv": 52.37817620908685,
  "tpm_overlap_csf": 0.1525495525543527,
  "tpm_overlap_gm": 0.45000351476180483,
  "tpm_overlap_wm": 0.5105129586101642,
  "wm2max": 0.48188533894047375
}