{
  "bids_meta": {
    "AcquisitionMatrixPE": 256,
    "AcquisitionNumber": 1,
    "AcquisitionTime": "15:18:6.000000",
    "BodyPartExamined": "BRAIN",
    "CoilString": "32Ch Head",
    "ConversionSoftware": "dcm2niix",
    "ConversionSoftwareVersion": "v1.0.20211006",
    "Dcm2bidsVersion": "2.1.6",
    "DeviceSerialNumber": "000301496MR3T6MR",
    "EchoTime": 0.065956,
    "EchoTrainLength": 140,
    "FlipAngle": 90,
    "ImageOrientationPatientDICOM": [
      0,
      1,
      0,
      0,
      0,
      -1
    ],
    "ImageType": [
      "ORIGINAL",
      "PRIMARY",
      "OTHER"
    ],
    "ImagingFrequency": 127.697,
    "InPlanePhaseEncodingDirectionDICOM": "ROW",
    "InstitutionName": "NIH FMRIF",
    "MRAcquisitionType": "3D",
    "MagneticFieldStrength": 3,
    "Manufacturer": "GE",
    "ManufacturersModelName": "DISCOVERY MR750",
    "Modality": "MR",
    "ParallelReductionFactorInPlane": 2,
    "ParallelReductionOutOfPlane": 1.5,
    "PatientPosition": "HFS",
    "PercentPhaseFOV": 100,
    "PercentSampling": 100,
    "PhaseEncodingAxis": "i",
    "PixelBandwidth": 244.141,
    "ProcedureStepDescription": "MRI Brain",
    "ProtocolName": "ADNI3 FMRIF Enhanced Pro",
    "ReconMatrixPE": 256,
    "RepetitionTime": 3.202,
    "SAR": 0.4476,
    "ScanOptions": "SAT_GEMS\\EDR_GEMS\\PROMO_GEMS\\ACC_GEMS\\FS\\FR_GEMS",
    "ScanningSequence": "RM",
    "SequenceVariant": "NONE",
    "SeriesDescription": "ORIG Anat T2w CUBE (ABCD)",
    "SeriesNumber": 40004,
    "SliceThickness": 1,
    "SoftwareVersions": "27\\LX\\MR Software release:DV26.0_R03_1831.b",
    "SpacingBetweenSlices": 1,
    "StationName": "FMRI3tb",
    "acq_id": "CUBE",
    "dataset": "ds004215",
    "modality": "T2w",
    "session_id": "01",
    "subject_id": "ON85305"
  },
  "cjv": 0.6463446606805365,
  "cnr": 1.3039784476072103,
  "efc": 0.3751564573743874,
  "fber": 7711.10597294485,
  "fwhm_avg": 2.442336666666667,
  "fwhm_x": 2.02734,
  "fwhm_y": 2.68201,
  "fwhm_z": 2.61766,
  "icvs_csf": 0.171770308416632,
  "icvs_gm": 0.2303499730371408,
  "icvs_wm": 0.5978797185462272,
  "inu_med": 0.9191170334815979,
  "inu_range": 0.4985917806625366,
  "provenance": {
    "md5sum": "277f66f5f1452d0f713edee7fa8683fa",
    "settings": {
      "testing": false
    },
    "software": "mriqc",
    "version": "22.0.6",
    "warnings": {
      "large_rot_frame": true,
      "small_air_mask": false
    },
    "webapi_port": null,
    "webapi_url": "https://mriqc.nimh.nih.gov/api/v1"
  },
  "qi_1": 0.0,
  "qi_2": 0.016490720518109347,
  "rpve_csf": 29.88677481552226,
  "rpve_gm": 31.646629514826717,
  "rpve_wm": 12.497739113709947,
  "size_x": 204,
  "size_y": 256,
  "size_z": 256,
  "snr_csf": 9.266161152661208,
  "snr_gm": 2.1377654449012806,
  "snr_total": 7.280371868923004,
  "snr_wm": 10.437189009206525,
  "snrd_csf": 72.93874527660006,
  "snrd_gm": 132.35905242877863,
  "snrd_total": 85.55430402153712,
  "snrd_wm": 51.36511435923268,
  "spacing_x": 1.0,
  "spacing_y": 1.0,
  "spacing_z": 1.0,
  "summary_bg_k": 105.87906556486371,
  "summary_bg_mad": 0.0,
  "summary_bg_mean": 9.10535875119922,
  "summary_bg_median": 0.0,
  "summary_bg_n": 4175277.0,
  "summary_bg_p05": 0.0,
  "summary_bg_p95": 30.159058928489685,
  "summary_bg_stdv": 12.75713600857083,
  "summary_csf_k": 1.5734441556750296,
  "summary_csf_mad": 131.28324098308244,
  "summary_csf_mean": 1431.0793355425828,
  "summary_csf_median": 1420.2988778948784,
  "summary_csf_n": 4173.0,
  "summary_csf_p05": 1206.2108732819556,
  "summary_csf_p95": 1704.5376798510542,
  "summary_csf_stdv": 153.25965813735672,
  "summary_gm_k": -1.0101306009321895,
  "summary_gm_mad": 921.4838061693574,
  "summary_gm_mean": 2105.257999477894,
  "summary_gm_median": 2577.360125005245,
  "summary_gm_n": 65838.0,
  "summary_gm_p05": 84.34896618127823,
  "summary_gm_p95": 3710.4008522361514,
  "summary_gm_stdv": 1205.6236373258441,
  "summary_wm_k": -0.055869176790016795,
  "summary_wm_mad": 97.90095497883053,
  "summary_wm_mean": 1002.6997578000268,
  "summary_wm_median": 1000.2065981626511,
  "summary_wm_n": 314773.0,
  "summary_wm_p05": 850.3752917051315,
  "summary_wm_p95": 1162.2943258285522,
  "summary_wm_stdv": 95.83088018284161,
  "tpm_overlap_csf": 0.099256259655872,
  "tpm_overlap_gm": 0.13209089245878836,
  "tpm_overlap_wm": 0.44433882158555943,
  "wm2max": 0.2690481870285304
}