{
  "bids_meta": {
    "AcquisitionMatrixPE": 256,
    "AcquisitionNumber": 1,
    "AcquisitionTime": "15:47:24.000000",
    "BodyPartExamined": "BRAIN",
    "CoilString": "32Ch Head",
    "ConversionSoftware": "dcm2niix",
    "ConversionSoftwareVersion": "v1.0.20211006",
    "Dcm2bidsVersion": "2.1.6",
    "DeviceSerialNumber": "000301496MR3T6MR",
    "EchoTime": 0.003036,
    "FlipAngle": 11,
    "ImageOrientationPatientDICOM": [
      0,
      1,
      0,
      0,
      0,
      -1
    ],
    "ImageType": [
      "ORIGINAL",
      "PRIMARY",
      "OTHER"
    ],
    "ImagingFrequency": 127.697,
    "InPlanePhaseEncodingDirectionDICOM": "ROW",
    "InstitutionName": "NIH FMRIF",
    "InversionTime": 0.4,
    "MRAcquisitionType": "3D",
    "MagneticFieldStrength": 3,
    "Manufacturer": "GE",
    "ManufacturersModelName": "DISCOVERY MR750",
    "Modality": "MR",
    "ParallelReductionFactorInPlane": 1.72974,
    "PatientPosition": "HFS",
    "PercentPhaseFOV": 100,
    "PercentSampling": 100,
    "PixelBandwidth": 244.141,
    "ProcedureStepDescription": "MRI Brain",
    "ProtocolName": "ADNI3 FMRIF Enhanced Pro",
    "ReconMatrixPE": 256,
    "RepetitionTime": 0.007348,
    "SAR": 0.206171,
    "ScanOptions": "FAST_GEMS\\EDR_GEMS\\FILTERED_GEMS\\ACC_GEMS\\IR_GEMS",
    "ScanningSequence": "GR",
    "SequenceVariant": "SS\\SP\\SK",
    "SeriesDescription": "Accelerated Sagittal IR-FSPGR",
    "SeriesNumber": 3,
    "SliceThickness": 1.2,
    "SoftwareVersions": "27\\LX\\MR Software release:DV26.0_R01_1725.a",
    "SpacingBetweenSlices": 1.2,
    "SpoilingState": true,
    "StationName": "fmrif3tb",
    "acq_id": "FSPGR",
    "dataset": "ds004215",
    "modality": "T1w",
    "rec_id": "SCIC",
    "session_id": "01",
    "subject_id": "ON62592"
  },
  "cjv": 0.3435794268036046,
  "cnr": 3.9252575880591483,
  "efc": 0.5159414617411004,
  "fber": -1.0,
  "fwhm_avg": 3.2861145999686396,
  "fwhm_x": 3.0674744676576426,
  "fwhm_y": 3.5670995917768535,
  "fwhm_z": 3.223769740471423,
  "icvs_csf": 0.20163241956918537,
  "icvs_gm": 0.44224795605387957,
  "icvs_wm": 0.356119624376935,
  "inu_med": 0.4256788492202759,
  "inu_range": 0.0652140498161316,
  "provenance": {
    "md5sum": "043d2923d3577cff02068ff8ca39d964",
    "settings": {
      "testing": false
    },
    "software": "mriqc",
    "version": "22.0.6",
    "warnings": {
      "large_rot_frame": true,
      "small_air_mask": false
    },
    "webapi_port": null,
    "webapi_url": "https://mriqc.nimh.nih.gov/api/v1"
  },
  "qi_1": 4.478297530410839e-06,
  "qi_2": 0.004016284781366344,
  "rpve_csf": 41.06388869261355,
  "rpve_gm": 20.048554436363236,
  "rpve_wm": 29.474211958462647,
  "size_x": 196,
  "size_y": 256,
  "size_z": 256,
  "snr_csf": 1.7953677996748052,
  "snr_gm": 10.086386568699012,
  "snr_total": 12.133312054367218,
  "snr_wm": 24.518181794727838,
  "snrd_csf": 13.462880707304937,
  "snrd_gm": 42.19898909910634,
  "snrd_total": 39.0606122514671,
  "snrd_wm": 61.51996694799003,
  "spacing_x": 1.1999969482421875,
  "spacing_y": 1.0547000169754028,
  "spacing_z": 1.0547000169754028,
  "summary_bg_k": 15.425440574368249,
  "summary_bg_mad": 0.0,
  "summary_bg_mean": 6.167188209182954,
  "summary_bg_median": 0.0,
  "summary_bg_n": 1308763.0,
  "summary_bg_p05": 0.0,
  "summary_bg_p95": 26.775320269167423,
  "summary_bg_stdv": 10.649167021200238,
  "summary_csf_k": 0.5850332491056021,
  "summary_csf_mad": 113.3382376631352,
  "summary_csf_mean": 232.624401855439,
  "summary_csf_median": 218.8375813625753,
  "summary_csf_n": 8866.0,
  "summary_csf_p05": 56.741258412599564,
  "summary_csf_p95": 462.2946601063013,
  "summary_csf_stdv": 121.88323732950705,
  "summary_gm_k": -0.01964762801052755,
  "summary_gm_mad": 68.65497306836278,
  "summary_gm_mean": 684.1014821512698,
  "summary_gm_median": 685.9397265091538,
  "summary_gm_n": 28999.0,
  "summary_gm_p05": 568.3137180931866,
  "summary_gm_p95": 792.0924455150962,
  "summary_gm_stdv": 68.00531536050687,
  "summary_wm_k": 0.41990482228116344,
  "summary_wm_mad": 39.249677340758616,
  "summary_wm_mean": 1000.147649383304,
  "summary_wm_median": 1000.0000048354268,
  "summary_wm_n": 126982.0,
  "summary_wm_p05": 933.4281940534711,
  "summary_wm_p95": 1067.0460966527462,
  "summary_wm_stdv": 40.785898221732374,
  "tpm_overlap_csf": 0.14601084476073065,
  "tpm_overlap_gm": 0.48015481327102205,
  "tpm_overlap_wm": 0.5237714940913748,
  "wm2max": 0.4054295004020557
}