{
  "bids_meta": {
    "AcquisitionMatrixPE": 256,
    "AcquisitionNumber": 1,
    "AcquisitionTime": "14:18:11.000000",
    "BodyPartExamined": "BRAIN",
    "CoilString": "32Ch Head",
    "ConversionSoftware": "dcm2niix",
    "ConversionSoftwareVersion": "v1.0.20211006",
    "Dcm2bidsVersion": "2.1.6",
    "DeviceSerialNumber": "000301496MR3T6MR",
    "EchoTime": 0.059345,
    "EchoTrainLength": 140,
    "FlipAngle": 90,
    "ImageOrientationPatientDICOM": [
      0,
      1,
      0,
      0,
      0,
      -1
    ],
    "ImageType": [
      "ORIGINAL",
      "PRIMARY",
      "OTHER"
    ],
    "ImagingFrequency": 127.697,
    "InPlanePhaseEncodingDirectionDICOM": "ROW",
    "InstitutionName": "NIH FMRIF",
    "MRAcquisitionType": "3D",
    "MagneticFieldStrength": 3,
    "Manufacturer": "GE",
    "ManufacturersModelName": "DISCOVERY MR750",
    "Modality": "MR",
    "ParallelReductionFactorInPlane": 2,
    "ParallelReductionOutOfPlane": 1.5,
    "PatientPosition": "HFS",
    "PercentPhaseFOV": 100,
    "PercentSampling": 100,
    "PhaseEncodingAxis": "i",
    "PixelBandwidth": 244.141,
    "ProcedureStepDescription": "MRI Brain",
    "ProtocolName": "ADNI3 FMRIF Enhanced Pro",
    "ReconMatrixPE": 256,
    "RepetitionTime": 3.202,
    "SAR": 0.3716,
    "ScanOptions": "SAT_GEMS\\EDR_GEMS\\PROMO_GEMS\\ACC_GEMS\\FS\\FR_GEMS",
    "ScanningSequence": "RM",
    "SequenceVariant": "NONE",
    "SeriesDescription": "Sag_CUBE_T2",
    "SeriesNumber": 6,
    "SliceThickness": 1,
    "SoftwareVersions": "27\\LX\\MR Software release:DV26.0_R01_1725.a",
    "SpacingBetweenSlices": 1,
    "StationName": "fmrif3tb",
    "acq_id": "CUBE",
    "dataset": "ds004215",
    "modality": "T2w",
    "session_id": "01",
    "subject_id": "ON98806"
  },
  "cjv": 0.7109976667841948,
  "cnr": 1.2244069695453303,
  "efc": 0.44507443794700047,
  "fber": 1533.9461816406251,
  "fwhm_avg": 2.54124,
  "fwhm_x": 2.12366,
  "fwhm_y": 2.82639,
  "fwhm_z": 2.67367,
  "icvs_csf": 0.22446809717567787,
  "icvs_gm": 0.21917401828239003,
  "icvs_wm": 0.5563578845419321,
  "inu_med": 0.9079072177410126,
  "inu_range": 0.5052912533283234,
  "provenance": {
    "md5sum": "b7d62f617028910f9ec20a53786a72da",
    "settings": {
      "testing": false
    },
    "software": "mriqc",
    "version": "22.0.6",
    "warnings": {
      "large_rot_frame": true,
      "small_air_mask": false
    },
    "webapi_port": null,
    "webapi_url": "https://mriqc.nimh.nih.gov/api/v1"
  },
  "qi_1": 0.0,
  "qi_2": 0.00827969764968051,
  "rpve_csf": 22.876287822776238,
  "rpve_gm": 32.040226653401966,
  "rpve_wm": 12.215211492167828,
  "size_x": 204,
  "size_y": 256,
  "size_z": 256,
  "snr_csf": 10.143487338381021,
  "snr_gm": 1.983188199499836,
  "snr_total": 7.01406942155041,
  "snr_wm": 8.915532726770373,
  "snrd_csf": 28.2114977295089,
  "snrd_gm": 49.654661480430924,
  "snrd_total": 32.248615072244085,
  "snrd_wm": 18.87968600679243,
  "spacing_x": 1.0,
  "spacing_y": 1.0,
  "spacing_z": 1.0,
  "summary_bg_k": 7.883525107443399,
  "summary_bg_mad": 34.70572309915628,
  "summary_bg_mean": 30.416703821017897,
  "summary_bg_median": 23.408654503524303,
  "summary_bg_n": 3234311.0,
  "summary_bg_p05": 0.0,
  "summary_bg_p95": 89.57317953556776,
  "summary_bg_stdv": 32.74264391255418,
  "summary_csf_k": 0.5393817389232418,
  "summary_csf_mad": 138.384965291273,
  "summary_csf_mean": 1500.2674497429255,
  "summary_csf_median": 1494.498593594879,
  "summary_csf_n": 6032.0,
  "summary_csf_p05": 1271.6954630963505,
  "summary_csf_p95": 1747.4117520865052,
  "summary_csf_stdv": 147.32356415077427,
  "summary_gm_k": -1.539456188021048,
  "summary_gm_mad": 1047.2479315614494,
  "summary_gm_mean": 1961.2357545146103,
  "summary_gm_median": 2630.4460138715804,
  "summary_gm_n": 65456.0,
  "summary_gm_p05": 80.04726019501686,
  "summary_gm_p95": 3560.330814614892,
  "summary_gm_stdv": 1326.362228869617,
  "summary_wm_k": 0.03517549811666765,
  "summary_wm_mad": 111.89037541746914,
  "summary_wm_mean": 1002.1071464636021,
  "summary_wm_median": 1000.1476864218712,
  "summary_wm_n": 236632.0,
  "summary_wm_p05": 820.8536386787891,
  "summary_wm_p95": 1189.2630308493972,
  "summary_wm_stdv": 112.18012470740098,
  "tpm_overlap_csf": 0.10051457651785457,
  "tpm_overlap_gm": 0.14225520424676552,
  "tpm_overlap_wm": 0.435427948453184,
  "wm2max": 0.27782376892085536
}