{
  "bids_meta": {
    "AcquisitionMatrixPE": 256,
    "AcquisitionNumber": 1,
    "AcquisitionTime": "10:17:11.000000",
    "BodyPartExamined": "BRAIN",
    "CoilString": "32Ch Head",
    "ConversionSoftware": "dcm2niix",
    "ConversionSoftwareVersion": "v1.0.20211006",
    "Dcm2bidsVersion": "2.1.6",
    "DeviceSerialNumber": "000301496mr3T5mr",
    "EchoTime": 0.066831,
    "EchoTrainLength": 140,
    "FlipAngle": 90,
    "ImageOrientationPatientDICOM": [
      0,
      1,
      0,
      0,
      0,
      -1
    ],
    "ImageType": [
      "ORIGINAL",
      "PRIMARY",
      "OTHER"
    ],
    "ImagingFrequency": 127.824,
    "InPlanePhaseEncodingDirectionDICOM": "ROW",
    "InstitutionName": "NIH FMRIF",
    "MRAcquisitionType": "3D",
    "MagneticFieldStrength": 3,
    "Manufacturer": "GE",
    "ManufacturersModelName": "DISCOVERY MR750",
    "Modality": "MR",
    "ParallelReductionFactorInPlane": 2,
    "ParallelReductionOutOfPlane": 1.5,
    "PatientPosition": "HFS",
    "PercentPhaseFOV": 100,
    "PercentSampling": 100,
    "PhaseEncodingAxis": "i",
    "PixelBandwidth": 244.141,
    "ProcedureStepDescription": "MRI Brain",
    "ProtocolName": "ADNI3 FMRIF Enhanced Pro",
    "ReconMatrixPE": 256,
    "RepetitionTime": 3.202,
    "SAR": 0.4239,
    "ScanOptions": "SAT_GEMS\\EDR_GEMS\\PROMO_GEMS\\ACC_GEMS\\FS\\FR_GEMS",
    "ScanningSequence": "RM",
    "SequenceVariant": "NONE",
    "SeriesDescription": "ORIG Anat T2w CUBE (ABCD)",
    "SeriesNumber": 40004,
    "SliceThickness": 1,
    "SoftwareVersions": "27\\LX\\MR Software release:DV26.0_R03_1831.b",
    "SpacingBetweenSlices": 1,
    "StationName": "FMRI3ta",
    "acq_id": "CUBE",
    "dataset": "ds004215",
    "modality": "T2w",
    "session_id": "01",
    "subject_id": "ON61087"
  },
  "cjv": 1.3796408107154667,
  "cnr": 0.9605079039932132,
  "efc": 0.3975606511227207,
  "fber": 4855.630311418685,
  "fwhm_avg": 2.39225,
  "fwhm_x": 2.02539,
  "fwhm_y": 2.62673,
  "fwhm_z": 2.52463,
  "icvs_csf": 0.1732188279168396,
  "icvs_gm": 0.6733481187656938,
  "icvs_wm": 0.15343305331746665,
  "inu_med": 0.8747880458831787,
  "inu_range": 0.371404594182968,
  "provenance": {
    "md5sum": "2d85ab9570fa965e3c7d0e82a8a72580",
    "settings": {
      "testing": false
    },
    "software": "mriqc",
    "version": "22.0.6",
    "warnings": {
      "large_rot_frame": true,
      "small_air_mask": false
    },
    "webapi_port": null,
    "webapi_url": "https://mriqc.nimh.nih.gov/api/v1"
  },
  "qi_1": 0.009537066393636363,
  "qi_2": 0.0018817456436044768,
  "rpve_csf": 27.106748669397366,
  "rpve_gm": 11.06405729327215,
  "rpve_wm": 47.41570343636997,
  "size_x": 204,
  "size_y": 256,
  "size_z": 256,
  "snr_csf": 7.12426190405606,
  "snr_gm": 8.212967922512961,
  "snr_total": 5.652252984407046,
  "snr_wm": 1.6195291266521181,
  "snrd_csf": 107.87006169518527,
  "snrd_gm": 40.5096748415906,
  "snrd_total": 82.80845897063375,
  "snrd_wm": 100.04564037512537,
  "spacing_x": 1.0,
  "spacing_y": 1.0,
  "spacing_z": 1.0,
  "summary_bg_k": 994.1670106229024,
  "summary_bg_mad": 6.5999927610406806,
  "summary_bg_mean": 6.665647834093164,
  "summary_bg_median": 4.706816304475069,
  "summary_bg_n": 4041776.0,
  "summary_bg_p05": 0.0,
  "summary_bg_p95": 17.721446929499507,
  "summary_bg_stdv": 13.032841143509163,
  "summary_csf_k": 6.489450912033506,
  "summary_csf_mad": 20.97704705579172,
  "summary_csf_mean": 1025.8718133048892,
  "summary_csf_median": 1086.707480031997,
  "summary_csf_n": 3201.0,
  "summary_csf_p05": 671.6570157855749,
  "summary_csf_p95": 1107.2360041551292,
  "summary_csf_stdv": 152.51232147370925,
  "summary_gm_k": 0.29708055395154664,
  "summary_gm_mad": 48.09166699764674,
  "summary_gm_mean": 412.7499403384417,
  "summary_gm_median": 408.10365705005825,
  "summary_gm_n": 362304.0,
  "summary_gm_p05": 339.06089981272817,
  "summary_gm_p95": 502.15492019429803,
  "summary_gm_stdv": 49.69008739518913,
  "summary_wm_k": -1.8085877702245645,
  "summary_wm_mad": 779.3876801891352,
  "summary_wm_mean": 744.458280469893,
  "summary_wm_median": 1007.8824840895832,
  "summary_wm_n": 38997.0,
  "summary_wm_p05": 18.770556587725878,
  "summary_wm_p95": 1536.4012464519587,
  "summary_wm_stdv": 622.3225904716201,
  "tpm_overlap_csf": 0.12581322811782336,
  "tpm_overlap_gm": 0.4078652719789135,
  "tpm_overlap_wm": 0.03753475666278981,
  "wm2max": 0.663890030256621
}