{
  "bids_meta": {
    "AcquisitionMatrixPE": 256,
    "AcquisitionNumber": 1,
    "AcquisitionTime": "10:17:11.000000",
    "BodyPartExamined": "BRAIN",
    "CoilString": "32Ch Head",
    "ConversionSoftware": "dcm2niix",
    "ConversionSoftwareVersion": "v1.0.20211006",
    "Dcm2bidsVersion": "2.1.6",
    "DeviceSerialNumber": "000301496mr3T5mr",
    "EchoTime": 0.066831,
    "EchoTrainLength": 140,
    "FlipAngle": 90,
    "ImageOrientationPatientDICOM": [
      0,
      1,
      0,
      0,
      0,
      -1
    ],
    "ImageType": [
      "ORIGINAL",
      "PRIMARY",
      "OTHER"
    ],
    "ImagingFrequency": 127.824,
    "InPlanePhaseEncodingDirectionDICOM": "ROW",
    "InstitutionName": "NIH FMRIF",
    "MRAcquisitionType": "3D",
    "MagneticFieldStrength": 3,
    "Manufacturer": "GE",
    "ManufacturersModelName": "DISCOVERY MR750",
    "Modality": "MR",
    "ParallelReductionFactorInPlane": 2,
    "ParallelReductionOutOfPlane": 1.5,
    "PatientPosition": "HFS",
    "PercentPhaseFOV": 100,
    "PercentSampling": 100,
    "PhaseEncodingAxis": "i",
    "PixelBandwidth": 244.141,
    "ProcedureStepDescription": "MRI Brain",
    "ProtocolName": "ADNI3 FMRIF Enhanced Pro",
    "ReconMatrixPE": 256,
    "RepetitionTime": 3.202,
    "SAR": 0.4239,
    "ScanOptions": "SAT_GEMS\\EDR_GEMS\\PROMO_GEMS\\FILTERED_GEMS\\ACC_GEMS\\FS\\FR_GEMS",
    "ScanningSequence": "RM",
    "SequenceVariant": "NONE",
    "SeriesDescription": "Anat T2w CUBE (ABCD)",
    "SeriesNumber": 4,
    "SliceThickness": 1,
    "SoftwareVersions": "27\\LX\\MR Software release:DV26.0_R03_1831.b",
    "SpacingBetweenSlices": 1,
    "StationName": "FMRI3ta",
    "acq_id": "CUBE",
    "dataset": "ds004215",
    "modality": "T2w",
    "rec_id": "SCIC",
    "session_id": "01",
    "subject_id": "ON61087"
  },
  "cjv": 1.9628563733377384,
  "cnr": 0.7151394257400118,
  "efc": 0.43939205706513956,
  "fber": 5540.3455555825185,
  "fwhm_avg": 2.28607,
  "fwhm_x": 1.91595,
  "fwhm_y": 2.56741,
  "fwhm_z": 2.37485,
  "icvs_csf": 0.17180472851549736,
  "icvs_gm": 0.6903106350913758,
  "icvs_wm": 0.13788463639312679,
  "inu_med": 0.7775030732154846,
  "inu_range": 0.15578643083572385,
  "provenance": {
    "md5sum": "b9572c05e531d8bf971bc6ba2296fb51",
    "settings": {
      "testing": false
    },
    "software": "mriqc",
    "version": "22.0.6",
    "warnings": {
      "large_rot_frame": true,
      "small_air_mask": false
    },
    "webapi_port": null,
    "webapi_url": "https://mriqc.nimh.nih.gov/api/v1"
  },
  "qi_1": 0.0058423951476358465,
  "qi_2": 0.0019500340335866975,
  "rpve_csf": 27.66254395967488,
  "rpve_gm": 10.92737421877512,
  "rpve_wm": 52.51384988160141,
  "size_x": 204,
  "size_y": 256,
  "size_z": 256,
  "snr_csf": 4.088350666313816,
  "snr_gm": 7.949084983484794,
  "snr_total": 4.476006623204781,
  "snr_wm": 1.3905842198157314,
  "snrd_csf": 105.41636535705126,
  "snrd_gm": 43.85805444490446,
  "snrd_total": 79.97959655029149,
  "snrd_wm": 90.66436984891874,
  "spacing_x": 1.0,
  "spacing_y": 1.0,
  "spacing_z": 1.0,
  "summary_bg_k": 438.4452134627926,
  "summary_bg_mad": 7.27292896319628,
  "summary_bg_mean": 7.414607015975554,
  "summary_bg_median": 5.195627203211188,
  "summary_bg_n": 3405082.0,
  "summary_bg_p05": 0.0,
  "summary_bg_p95": 19.93854906409979,
  "summary_bg_stdv": 17.844852303788862,
  "summary_csf_k": 0.6141332139851667,
  "summary_csf_mad": 287.4566520050401,
  "summary_csf_mean": 1135.3189492934007,
  "summary_csf_median": 1170.2688734745607,
  "summary_csf_n": 906.0,
  "summary_csf_p05": 630.9654071554542,
  "summary_csf_p95": 1526.1363697168417,
  "summary_csf_stdv": 286.08672466655025,
  "summary_gm_k": 0.35199708509538086,
  "summary_gm_mad": 58.45714408590559,
  "summary_gm_mean": 493.5611596346034,
  "summary_gm_median": 486.88565379939973,
  "summary_gm_n": 384525.0,
  "summary_gm_p05": 405.04793191328645,
  "summary_gm_p95": 606.754311863333,
  "summary_gm_stdv": 61.25044853721194,
  "summary_wm_k": -1.9220446629712389,
  "summary_wm_mad": 961.4733885808245,
  "summary_wm_mean": 828.0941919091415,
  "summary_wm_median": 1006.5011216048151,
  "summary_wm_n": 35209.0,
  "summary_wm_p05": 21.89020598307252,
  "summary_wm_p95": 1648.1373448334634,
  "summary_wm_stdv": 723.7870342008376,
  "tpm_overlap_csf": 0.12966769117204188,
  "tpm_overlap_gm": 0.412808026125568,
  "tpm_overlap_wm": 0.032492518441252165,
  "wm2max": 0.6199821298026156
}