{
  "bids_meta": {
    "AcquisitionMatrixPE": 256,
    "AcquisitionNumber": 1,
    "AcquisitionTime": "10:10:37.000000",
    "BodyPartExamined": "BRAIN",
    "CoilString": "32Ch Head",
    "ConversionSoftware": "dcm2niix",
    "ConversionSoftwareVersion": "v1.0.20211006",
    "Dcm2bidsVersion": "2.1.6",
    "DeviceSerialNumber": "000301496mr3T5mr",
    "EchoTime": 0.00292,
    "FlipAngle": 8,
    "ImageOrientationPatientDICOM": [
      0,
      1,
      0,
      0,
      0,
      -1
    ],
    "ImageType": [
      "ORIGINAL",
      "PRIMARY",
      "OTHER"
    ],
    "ImagingFrequency": 127.824,
    "InPlanePhaseEncodingDirectionDICOM": "ROW",
    "InstitutionName": "NIH FMRIF",
    "InversionTime": 1.06,
    "MRAcquisitionType": "3D",
    "MagneticFieldStrength": 3,
    "Manufacturer": "GE",
    "ManufacturersModelName": "DISCOVERY MR750",
    "Modality": "MR",
    "ParallelReductionFactorInPlane": 2,
    "ParallelReductionOutOfPlane": 2,
    "PatientPosition": "HFS",
    "PercentPhaseFOV": 100,
    "PercentSampling": 100,
    "PixelBandwidth": 244.141,
    "ProcedureStepDescription": "MRI Brain",
    "ProtocolName": "ADNI3 FMRIF Enhanced Pro",
    "ReconMatrixPE": 256,
    "RepetitionTime": 0.006952,
    "SAR": 0.124753,
    "ScanOptions": "EDR_GEMS\\PROMO_GEMS\\ACC_GEMS\\IR_GEMS",
    "ScanningSequence": "RM",
    "SequenceVariant": "NONE",
    "SeriesDescription": "ORIG Anat T1w MP-RAGE 1mm (ABCD)",
    "SeriesNumber": 40003,
    "SliceThickness": 1,
    "SoftwareVersions": "27\\LX\\MR Software release:DV26.0_R03_1831.b",
    "SpacingBetweenSlices": 1,
    "StationName": "FMRI3ta",
    "acq_id": "MPRAGE",
    "dataset": "ds004215",
    "modality": "T1w",
    "session_id": "01",
    "subject_id": "ON61087"
  },
  "cjv": 0.36780668847837183,
  "cnr": 3.5847572312280462,
  "efc": 0.43549091515806965,
  "fber": 4033.0892507131907,
  "fwhm_avg": 3.5966166666666664,
  "fwhm_x": 3.55688,
  "fwhm_y": 3.71799,
  "fwhm_z": 3.51498,
  "icvs_csf": 0.24217436521067134,
  "icvs_gm": 0.41740690495253063,
  "icvs_wm": 0.34041872983679805,
  "inu_med": 0.8842004537582397,
  "inu_range": 0.4543926954269405,
  "provenance": {
    "md5sum": "82504b110a10ebf6820e8e82bbcd7993",
    "settings": {
      "testing": false
    },
    "software": "mriqc",
    "version": "22.0.6",
    "warnings": {
      "large_rot_frame": true,
      "small_air_mask": false
    },
    "webapi_port": null,
    "webapi_url": "https://mriqc.nimh.nih.gov/api/v1"
  },
  "qi_1": 1.60908458296385e-05,
  "qi_2": 0.0011830538967548226,
  "rpve_csf": 26.15749217463171,
  "rpve_gm": 14.994955306665718,
  "rpve_wm": 21.595809918829723,
  "size_x": 208,
  "size_y": 256,
  "size_z": 256,
  "snr_csf": 1.1446901514497736,
  "snr_gm": 6.900861113585881,
  "snr_total": 8.137284132461366,
  "snr_wm": 16.366301132348443,
  "snrd_csf": 5.127432697054991,
  "snrd_gm": 26.8792123994684,
  "snrd_total": 25.33594008407633,
  "snrd_wm": 44.0011751557056,
  "spacing_x": 1.0,
  "spacing_y": 1.0,
  "spacing_z": 1.0,
  "summary_bg_k": 33.02322111361703,
  "summary_bg_mad": 14.88973918199841,
  "summary_bg_mean": 14.382956288251316,
  "summary_bg_median": 10.042976461350918,
  "summary_bg_n": 4280514.0,
  "summary_bg_p05": 0.0,
  "summary_bg_p95": 39.94571268185973,
  "summary_bg_stdv": 14.62990858741136,
  "summary_csf_k": 2.0533093509974805,
  "summary_csf_mad": 72.50363989072198,
  "summary_csf_mean": 143.90486196456945,
  "summary_csf_median": 116.53471785783768,
  "summary_csf_n": 35132.0,
  "summary_csf_p05": 32.39086101949215,
  "summary_csf_p95": 364.80433416366577,
  "summary_csf_stdv": 101.80314661725278,
  "summary_gm_k": -0.02357164669457701,
  "summary_gm_mad": 88.1311589420987,
  "summary_gm_mean": 608.7801817268889,
  "summary_gm_median": 610.902496099472,
  "summary_gm_n": 24200.0,
  "summary_gm_p05": 459.48653049152347,
  "summary_gm_p95": 750.6016558358446,
  "summary_gm_stdv": 88.52371667269261,
  "summary_wm_k": 0.9581720191800969,
  "summary_wm_mad": 54.998135717291426,
  "summary_wm_mean": 996.470018173835,
  "summary_wm_median": 1000.0452146604657,
  "summary_wm_n": 181257.0,
  "summary_wm_p05": 888.3510305024683,
  "summary_wm_p95": 1088.8938893005252,
  "summary_wm_stdv": 61.10375508374157,
  "tpm_overlap_csf": 0.14696529771341363,
  "tpm_overlap_gm": 0.4409520953945159,
  "tpm_overlap_wm": 0.48954026400007145,
  "wm2max": 0.4062333461969605
}