{
  "bids_meta": {
    "AcquisitionMatrixPE": 256,
    "AcquisitionNumber": 1,
    "AcquisitionTime": "16:00:33.000000",
    "BodyPartExamined": "BRAIN",
    "CoilString": "32Ch Head",
    "ConversionSoftware": "dcm2niix",
    "ConversionSoftwareVersion": "v1.0.20211006",
    "Dcm2bidsVersion": "2.1.6",
    "DeviceSerialNumber": "000301496MR3T6MR",
    "EchoTime": 0.00292,
    "FlipAngle": 8,
    "ImageOrientationPatientDICOM": [
      0,
      1,
      0,
      0,
      0,
      -1
    ],
    "ImageType": [
      "ORIGINAL",
      "PRIMARY",
      "OTHER"
    ],
    "ImagingFrequency": 127.697,
    "InPlanePhaseEncodingDirectionDICOM": "ROW",
    "InstitutionName": "NIH FMRIF",
    "InversionTime": 1.06,
    "MRAcquisitionType": "3D",
    "MagneticFieldStrength": 3,
    "Manufacturer": "GE",
    "ManufacturersModelName": "DISCOVERY MR750",
    "Modality": "MR",
    "ParallelReductionFactorInPlane": 2,
    "ParallelReductionOutOfPlane": 2,
    "PatientPosition": "HFS",
    "PercentPhaseFOV": 100,
    "PercentSampling": 100,
    "PixelBandwidth": 244.141,
    "ProcedureStepDescription": "MRI Brain",
    "ProtocolName": "ADNI3 FMRIF Enhanced Pro",
    "ReconMatrixPE": 256,
    "RepetitionTime": 0.006952,
    "SAR": 0.130474,
    "ScanOptions": "EDR_GEMS\\PROMO_GEMS\\FILTERED_GEMS\\ACC_GEMS\\IR_GEMS",
    "ScanningSequence": "RM",
    "SequenceVariant": "NONE",
    "SeriesDescription": "Anat T1w MP-RAGE 1mm (ABCD)",
    "SeriesNumber": 3,
    "SliceThickness": 1,
    "SoftwareVersions": "27\\LX\\MR Software release:DV26.0_R03_1831.b",
    "SpacingBetweenSlices": 1,
    "StationName": "FMRI3tb",
    "acq_id": "MPRAGE",
    "dataset": "ds004215",
    "modality": "T1w",
    "rec_id": "SCIC",
    "session_id": "01",
    "subject_id": "ON23664"
  },
  "cjv": 0.3388453535074214,
  "cnr": 3.9424803854734183,
  "efc": 0.6351843777615918,
  "fber": 12407.231986672221,
  "fwhm_avg": 3.534273333333333,
  "fwhm_x": 3.47941,
  "fwhm_y": 3.67609,
  "fwhm_z": 3.44732,
  "icvs_csf": 0.2544096479308748,
  "icvs_gm": 0.41838324466688603,
  "icvs_wm": 0.3272071074022392,
  "inu_med": 0.4979521632194519,
  "inu_range": 0.06814882308244702,
  "provenance": {
    "md5sum": "94bf249f732ad4e97358030eb5cce99b",
    "settings": {
      "testing": false
    },
    "software": "mriqc",
    "version": "22.0.6",
    "warnings": {
      "large_rot_frame": true,
      "small_air_mask": false
    },
    "webapi_port": null,
    "webapi_url": "https://mriqc.nimh.nih.gov/api/v1"
  },
  "qi_1": 0.0,
  "qi_2": 0.003245929766538167,
  "rpve_csf": 26.410962561113678,
  "rpve_gm": 15.782556589497485,
  "rpve_wm": 23.21125803558592,
  "size_x": 208,
  "size_y": 256,
  "size_z": 256,
  "snr_csf": 1.6453252000963554,
  "snr_gm": 8.727678973872806,
  "snr_total": 9.971264370541258,
  "snr_wm": 19.54078893765461,
  "snrd_csf": 7.494194556074886,
  "snrd_gm": 28.513305471581276,
  "snrd_total": 26.80746016498631,
  "snrd_wm": 44.41488046730277,
  "spacing_x": 1.0,
  "spacing_y": 1.0,
  "spacing_z": 1.0,
  "summary_bg_k": 3.1195436951489848,
  "summary_bg_mad": 0.0,
  "summary_bg_mean": 9.631133393231856,
  "summary_bg_median": 0.0,
  "summary_bg_n": 1131563.0,
  "summary_bg_p05": 0.0,
  "summary_bg_p95": 43.05196592397988,
  "summary_bg_stdv": 14.750380972324196,
  "summary_csf_k": 1.163001432661531,
  "summary_csf_mad": 81.31692449316259,
  "summary_csf_mean": 195.6294348902476,
  "summary_csf_median": 168.73161800019443,
  "summary_csf_n": 55965.0,
  "summary_csf_p05": 75.85346377082169,
  "summary_csf_p95": 408.77084001526237,
  "summary_csf_stdv": 102.55122240217551,
  "summary_gm_k": 0.13699735565512894,
  "summary_gm_mad": 72.37470581921242,
  "summary_gm_mean": 641.5283066213217,
  "summary_gm_median": 641.9764166455716,
  "summary_gm_n": 26524.0,
  "summary_gm_p05": 519.6883324853145,
  "summary_gm_p95": 762.3926762004382,
  "summary_gm_stdv": 73.55498714501702,
  "summary_wm_k": 0.4008717062378566,
  "summary_wm_mad": 48.939925846101644,
  "summary_wm_mean": 999.5682904945509,
  "summary_wm_median": 1000.0000118035823,
  "summary_wm_n": 175930.0,
  "summary_wm_p05": 915.0251170191914,
  "summary_wm_p95": 1082.6574094574898,
  "summary_wm_stdv": 51.174861616415754,
  "tpm_overlap_csf": 0.1415930729450522,
  "tpm_overlap_gm": 0.44873992091051024,
  "tpm_overlap_wm": 0.4937241484040702,
  "wm2max": 0.5623840794024764
}