{
  "bids_meta": {
    "AcquisitionMatrixPE": 256,
    "AcquisitionNumber": 1,
    "AcquisitionTime": "16:00:33.000000",
    "BodyPartExamined": "BRAIN",
    "CoilString": "32Ch Head",
    "ConversionSoftware": "dcm2niix",
    "ConversionSoftwareVersion": "v1.0.20211006",
    "Dcm2bidsVersion": "2.1.6",
    "DeviceSerialNumber": "000301496MR3T6MR",
    "EchoTime": 0.00292,
    "FlipAngle": 8,
    "ImageOrientationPatientDICOM": [
      0,
      1,
      0,
      0,
      0,
      -1
    ],
    "ImageType": [
      "ORIGINAL",
      "PRIMARY",
      "OTHER"
    ],
    "ImagingFrequency": 127.697,
    "InPlanePhaseEncodingDirectionDICOM": "ROW",
    "InstitutionName": "NIH FMRIF",
    "InversionTime": 1.06,
    "MRAcquisitionType": "3D",
    "MagneticFieldStrength": 3,
    "Manufacturer": "GE",
    "ManufacturersModelName": "DISCOVERY MR750",
    "Modality": "MR",
    "ParallelReductionFactorInPlane": 2,
    "ParallelReductionOutOfPlane": 2,
    "PatientPosition": "HFS",
    "PercentPhaseFOV": 100,
    "PercentSampling": 100,
    "PixelBandwidth": 244.141,
    "ProcedureStepDescription": "MRI Brain",
    "ProtocolName": "ADNI3 FMRIF Enhanced Pro",
    "ReconMatrixPE": 256,
    "RepetitionTime": 0.006952,
    "SAR": 0.130474,
    "ScanOptions": "EDR_GEMS\\PROMO_GEMS\\ACC_GEMS\\IR_GEMS",
    "ScanningSequence": "RM",
    "SequenceVariant": "NONE",
    "SeriesDescription": "ORIG Anat T1w MP-RAGE 1mm (ABCD)",
    "SeriesNumber": 40003,
    "SliceThickness": 1,
    "SoftwareVersions": "27\\LX\\MR Software release:DV26.0_R03_1831.b",
    "SpacingBetweenSlices": 1,
    "StationName": "FMRI3tb",
    "acq_id": "MPRAGE",
    "dataset": "ds004215",
    "modality": "T1w",
    "session_id": "01",
    "subject_id": "ON23664"
  },
  "cjv": 0.3481127049144331,
  "cnr": 3.8245106219005023,
  "efc": 0.4178916004507995,
  "fber": 4674.530153858418,
  "fwhm_avg": 3.7179300000000004,
  "fwhm_x": 3.66877,
  "fwhm_y": 3.81103,
  "fwhm_z": 3.67399,
  "icvs_csf": 0.25185640673303766,
  "icvs_gm": 0.41634704766328756,
  "icvs_wm": 0.3317965456036748,
  "inu_med": 0.8821337819099426,
  "inu_range": 0.40486710369586965,
  "provenance": {
    "md5sum": "4bcec6459a08d2b1540701d6450a763c",
    "settings": {
      "testing": false
    },
    "software": "mriqc",
    "version": "22.0.6",
    "warnings": {
      "large_rot_frame": true,
      "small_air_mask": false
    },
    "webapi_port": null,
    "webapi_url": "https://mriqc.nimh.nih.gov/api/v1"
  },
  "qi_1": 0.0,
  "qi_2": 0.0014124995880551363,
  "rpve_csf": 26.90418308307613,
  "rpve_gm": 15.93768052568133,
  "rpve_wm": 23.039210689499928,
  "size_x": 208,
  "size_y": 256,
  "size_z": 256,
  "snr_csf": 1.1225104838325348,
  "snr_gm": 7.970565805270515,
  "snr_total": 9.133931169660451,
  "snr_wm": 18.308717219878307,
  "snrd_csf": 5.92560836146456,
  "snrd_gm": 29.69770801244583,
  "snrd_total": 27.600423494408716,
  "snrd_wm": 47.17795410931576,
  "spacing_x": 1.0,
  "spacing_y": 1.0,
  "spacing_z": 1.0,
  "summary_bg_k": 1.699288165918552,
  "summary_bg_mad": 13.886494720548765,
  "summary_bg_mean": 13.492181442966006,
  "summary_bg_median": 9.366298355162144,
  "summary_bg_n": 3976711.0,
  "summary_bg_p05": 0.0,
  "summary_bg_p95": 37.63395555317402,
  "summary_bg_stdv": 12.865748064471964,
  "summary_csf_k": 0.7197147469957481,
  "summary_csf_mad": 87.76014456274737,
  "summary_csf_mean": 159.69281066957691,
  "summary_csf_median": 125.60121713206172,
  "summary_csf_n": 49439.0,
  "summary_csf_p05": 35.22487611137331,
  "summary_csf_p95": 392.4563391879201,
  "summary_csf_stdv": 111.89200338892942,
  "summary_gm_k": 0.14328557714673673,
  "summary_gm_mad": 77.43910118936654,
  "summary_gm_mean": 628.1121578181849,
  "summary_gm_median": 629.4827543199062,
  "summary_gm_n": 24819.0,
  "summary_gm_p05": 496.07628855854273,
  "summary_gm_p95": 755.8855915814638,
  "summary_gm_stdv": 78.97432730647647,
  "summary_wm_k": 0.7971947478324717,
  "summary_wm_mad": 51.5426650888837,
  "summary_wm_mean": 999.2705890497906,
  "summary_wm_median": 1000.0000162795186,
  "summary_wm_n": 174333.0,
  "summary_wm_p05": 909.2059889808297,
  "summary_wm_p95": 1086.1108944006264,
  "summary_wm_stdv": 54.61863527584092,
  "tpm_overlap_csf": 0.1463433408718749,
  "tpm_overlap_gm": 0.45378327245754746,
  "tpm_overlap_wm": 0.4954914520817342,
  "wm2max": 0.4193337225554199
}