{
  "bids_meta": {
    "AcquisitionMatrixPE": 256,
    "AcquisitionNumber": 1,
    "AcquisitionTime": "16:07:14.000000",
    "BodyPartExamined": "BRAIN",
    "CoilString": "32Ch Head",
    "ConversionSoftware": "dcm2niix",
    "ConversionSoftwareVersion": "v1.0.20211006",
    "Dcm2bidsVersion": "2.1.6",
    "DeviceSerialNumber": "000301496MR3T6MR",
    "EchoTime": 0.066293,
    "EchoTrainLength": 140,
    "FlipAngle": 90,
    "ImageOrientationPatientDICOM": [
      0,
      1,
      0,
      0,
      0,
      -1
    ],
    "ImageType": [
      "ORIGINAL",
      "PRIMARY",
      "OTHER"
    ],
    "ImagingFrequency": 127.697,
    "InPlanePhaseEncodingDirectionDICOM": "ROW",
    "InstitutionName": "NIH FMRIF",
    "MRAcquisitionType": "3D",
    "MagneticFieldStrength": 3,
    "Manufacturer": "GE",
    "ManufacturersModelName": "DISCOVERY MR750",
    "Modality": "MR",
    "ParallelReductionFactorInPlane": 2,
    "ParallelReductionOutOfPlane": 1.5,
    "PatientPosition": "HFS",
    "PercentPhaseFOV": 100,
    "PercentSampling": 100,
    "PhaseEncodingAxis": "i",
    "PixelBandwidth": 244.141,
    "ProcedureStepDescription": "MRI Brain",
    "ProtocolName": "ADNI3 FMRIF Enhanced Pro",
    "ReconMatrixPE": 256,
    "RepetitionTime": 3.202,
    "SAR": 0.5082,
    "ScanOptions": "SAT_GEMS\\EDR_GEMS\\PROMO_GEMS\\ACC_GEMS\\FS\\FR_GEMS",
    "ScanningSequence": "RM",
    "SequenceVariant": "NONE",
    "SeriesDescription": "ORIG Anat T2w CUBE (ABCD)",
    "SeriesNumber": 40004,
    "SliceThickness": 1,
    "SoftwareVersions": "27\\LX\\MR Software release:DV26.0_R03_1831.b",
    "SpacingBetweenSlices": 1,
    "StationName": "FMRI3tb",
    "acq_id": "CUBE",
    "dataset": "ds004215",
    "modality": "T2w",
    "session_id": "01",
    "subject_id": "ON23664"
  },
  "cjv": 1.1172693632841264,
  "cnr": 1.0511317842298509,
  "efc": 0.3770333121362788,
  "fber": -1.0,
  "fwhm_avg": 2.393803333333333,
  "fwhm_x": 2.03902,
  "fwhm_y": 2.6119,
  "fwhm_z": 2.53049,
  "icvs_csf": 0.16442886699507495,
  "icvs_gm": 0.5986359159111682,
  "icvs_wm": 0.23693521709375687,
  "inu_med": 0.9087657928466797,
  "inu_range": 0.4300452709197998,
  "provenance": {
    "md5sum": "e96f51cfb31f913be2ae9ffc22d02bec",
    "settings": {
      "testing": false
    },
    "software": "mriqc",
    "version": "22.0.6",
    "warnings": {
      "large_rot_frame": true,
      "small_air_mask": false
    },
    "webapi_port": null,
    "webapi_url": "https://mriqc.nimh.nih.gov/api/v1"
  },
  "qi_1": 0.0,
  "qi_2": 0.00935323786125429,
  "rpve_csf": 32.50342237715673,
  "rpve_gm": 12.813447904232131,
  "rpve_wm": 31.270407732567957,
  "size_x": 204,
  "size_y": 256,
  "size_z": 256,
  "snr_csf": 10.038789866370491,
  "snr_gm": 10.835582604725165,
  "snr_total": 7.582505129701555,
  "snr_wm": 1.8731429180090096,
  "snrd_csf": 74.37850933115843,
  "snrd_gm": 52.78658632447064,
  "snrd_total": 82.63294134544188,
  "snrd_wm": 120.73372838069656,
  "spacing_x": 1.0,
  "spacing_y": 1.0,
  "spacing_z": 1.0,
  "summary_bg_k": 109.00332502192391,
  "summary_bg_mad": 0.0,
  "summary_bg_mean": 3.891333833970726,
  "summary_bg_median": 0.0,
  "summary_bg_n": 3807424.0,
  "summary_bg_p05": 0.0,
  "summary_bg_p95": 12.977820038795471,
  "summary_bg_stdv": 5.426860659004597,
  "summary_csf_k": 1.4896128079792303,
  "summary_csf_mad": 53.68029240889225,
  "summary_csf_mean": 620.3894929345342,
  "summary_csf_median": 616.1187291145325,
  "summary_csf_n": 5099.0,
  "summary_csf_p05": 530.4992000222206,
  "summary_csf_p95": 732.166658079624,
  "summary_csf_stdv": 61.367786228168995,
  "summary_gm_k": -0.05141254896620806,
  "summary_gm_mad": 40.89186648381944,
  "summary_gm_mean": 438.61192028203106,
  "summary_gm_median": 437.2607729434967,
  "summary_gm_n": 293185.0,
  "summary_gm_p05": 374.8361476659775,
  "summary_gm_p95": 506.89529824256897,
  "summary_gm_stdv": 40.35408553336368,
  "summary_wm_k": -1.5158743531442092,
  "summary_wm_mad": 587.9566277892137,
  "summary_wm_mean": 761.9813977973746,
  "summary_wm_median": 1000.1048953533173,
  "summary_wm_n": 74457.0,
  "summary_wm_p05": 27.76466953754425,
  "summary_wm_p95": 1521.787043094635,
  "summary_wm_stdv": 533.9145079244947,
  "tpm_overlap_csf": 0.09025723818291254,
  "tpm_overlap_gm": 0.37363176831325573,
  "tpm_overlap_wm": 0.052149760787829375,
  "wm2max": 0.6603195485467984
}