{
  "bids_meta": {
    "AcquisitionMatrixPE": 256,
    "AcquisitionNumber": 1,
    "AcquisitionTime": "09:39:2.000000",
    "BodyPartExamined": "BRAIN",
    "CoilString": "32Ch Head",
    "ConversionSoftware": "dcm2niix",
    "ConversionSoftwareVersion": "v1.0.20211006",
    "Dcm2bidsVersion": "2.1.6",
    "DeviceSerialNumber": "000301496mr3T5mr",
    "EchoTime": 0.065618,
    "EchoTrainLength": 140,
    "FlipAngle": 90,
    "ImageOrientationPatientDICOM": [
      0,
      1,
      0,
      0,
      0,
      -1
    ],
    "ImageType": [
      "ORIGINAL",
      "PRIMARY",
      "OTHER"
    ],
    "ImagingFrequency": 127.824,
    "InPlanePhaseEncodingDirectionDICOM": "ROW",
    "InstitutionName": "NIH FMRIF",
    "MRAcquisitionType": "3D",
    "MagneticFieldStrength": 3,
    "Manufacturer": "GE",
    "ManufacturersModelName": "DISCOVERY MR750",
    "Modality": "MR",
    "ParallelReductionFactorInPlane": 2,
    "ParallelReductionOutOfPlane": 1.5,
    "PatientPosition": "HFS",
    "PercentPhaseFOV": 100,
    "PercentSampling": 100,
    "PhaseEncodingAxis": "i",
    "PixelBandwidth": 244.141,
    "ProcedureStepDescription": "MRI Brain",
    "ProtocolName": "ADNI3 FMRIF Enhanced Pro",
    "ReconMatrixPE": 256,
    "RepetitionTime": 3.202,
    "SAR": 0.4618,
    "ScanOptions": "SAT_GEMS\\EDR_GEMS\\PROMO_GEMS\\ACC_GEMS\\FS\\FR_GEMS",
    "ScanningSequence": "RM",
    "SequenceVariant": "NONE",
    "SeriesDescription": "ORIG Anat T2w CUBE (ABCD)",
    "SeriesNumber": 40004,
    "SliceThickness": 1,
    "SoftwareVersions": "27\\LX\\MR Software release:DV26.0_R03_1831.b",
    "SpacingBetweenSlices": 1,
    "StationName": "FMRI3ta",
    "acq_id": "CUBE",
    "dataset": "ds004215",
    "modality": "T2w",
    "session_id": "01",
    "subject_id": "ON02811"
  },
  "cjv": 0.8316301371613943,
  "cnr": 1.1171128185776138,
  "efc": 0.37942041180596375,
  "fber": 7032.87611932528,
  "fwhm_avg": 2.725456666666666,
  "fwhm_x": 2.23678,
  "fwhm_y": 2.94421,
  "fwhm_z": 2.99538,
  "icvs_csf": 0.18242992643033426,
  "icvs_gm": 0.7065141872698745,
  "icvs_wm": 0.11105588629979121,
  "inu_med": 0.8621715605258942,
  "inu_range": 0.5179657876491546,
  "provenance": {
    "md5sum": "c744683713fcde9591d477f64811bc2c",
    "settings": {
      "testing": false
    },
    "software": "mriqc",
    "version": "22.0.6",
    "warnings": {
      "large_rot_frame": true,
      "small_air_mask": false
    },
    "webapi_port": null,
    "webapi_url": "https://mriqc.nimh.nih.gov/api/v1"
  },
  "qi_1": 0.0,
  "qi_2": 0.01442421371331286,
  "rpve_csf": 31.996541041731355,
  "rpve_gm": 12.274997943278866,
  "rpve_wm": 68.9893665392167,
  "size_x": 204,
  "size_y": 256,
  "size_z": 256,
  "snr_csf": 10.096481846785641,
  "snr_gm": 9.497990901496454,
  "snr_total": 7.162775179016109,
  "snr_wm": 1.8938527887662326,
  "snrd_csf": 87.46201387696443,
  "snrd_gm": 38.00851492858531,
  "snrd_total": 72.8685234004512,
  "snrd_wm": 93.13504139580384,
  "spacing_x": 1.0,
  "spacing_y": 1.0,
  "spacing_z": 1.0,
  "summary_bg_k": 5.419665351077841,
  "summary_bg_mad": 7.040661500793179,
  "summary_bg_mean": 8.55293100969202,
  "summary_bg_median": 4.748854016885161,
  "summary_bg_n": 4018050.0,
  "summary_bg_p05": 0.0,
  "summary_bg_p95": 26.532154532149434,
  "summary_bg_stdv": 9.660176571355343,
  "summary_csf_k": 7.454319772098492,
  "summary_csf_mad": 67.25408000757665,
  "summary_csf_mean": 928.3221921456293,
  "summary_csf_median": 939.9423293918371,
  "summary_csf_n": 25232.0,
  "summary_csf_p05": 768.7414168552496,
  "summary_csf_p95": 1045.5618042166343,
  "summary_csf_stdv": 93.09418047527035,
  "summary_gm_k": -0.07196578484159932,
  "summary_gm_mad": 43.36487033821869,
  "summary_gm_mean": 409.99596917764677,
  "summary_gm_median": 408.47232387028635,
  "summary_gm_n": 384602.0,
  "summary_gm_p05": 342.03561991266906,
  "summary_gm_p95": 483.3423782822679,
  "summary_gm_stdv": 43.006125934810434,
  "summary_wm_k": -1.84309208510209,
  "summary_wm_mad": 449.32380796728614,
  "summary_wm_mean": 669.2951698690074,
  "summary_wm_median": 1000.9095820812508,
  "summary_wm_n": 25418.0,
  "summary_wm_p05": 26.272266998887062,
  "summary_wm_p95": 1292.326198356226,
  "summary_wm_stdv": 528.4940301764074,
  "tpm_overlap_csf": 0.11565213735655414,
  "tpm_overlap_gm": 0.4186150785811382,
  "tpm_overlap_wm": 0.03297657794528393,
  "wm2max": 0.7712359966857638
}