{
  "bids_meta": {
    "AcquisitionMatrixPE": 256,
    "AcquisitionNumber": 1,
    "AcquisitionTime": "14:28:15.000000",
    "BodyPartExamined": "BRAIN",
    "CoilString": "32Ch Head",
    "ConversionSoftware": "dcm2niix",
    "ConversionSoftwareVersion": "v1.0.20211006",
    "Dcm2bidsVersion": "2.1.6",
    "DeviceSerialNumber": "000301496MR3T6MR",
    "EchoTime": 0.00292,
    "FlipAngle": 8,
    "ImageOrientationPatientDICOM": [
      0,
      1,
      0,
      0,
      0,
      -1
    ],
    "ImageType": [
      "ORIGINAL",
      "PRIMARY",
      "OTHER"
    ],
    "ImagingFrequency": 127.697,
    "InPlanePhaseEncodingDirectionDICOM": "ROW",
    "InstitutionName": "NIH FMRIF",
    "InversionTime": 1.06,
    "MRAcquisitionType": "3D",
    "MagneticFieldStrength": 3,
    "Manufacturer": "GE",
    "ManufacturersModelName": "DISCOVERY MR750",
    "Modality": "MR",
    "ParallelReductionFactorInPlane": 2,
    "ParallelReductionOutOfPlane": 2,
    "PatientPosition": "HFS",
    "PercentPhaseFOV": 100,
    "PercentSampling": 100,
    "PixelBandwidth": 244.141,
    "ProcedureStepDescription": "MRI Brain",
    "ProtocolName": "ADNI3 FMRIF Enhanced Pro",
    "ReconMatrixPE": 256,
    "RepetitionTime": 0.006952,
    "SAR": 0.0998878,
    "ScanOptions": "EDR_GEMS\\PROMO_GEMS\\ACC_GEMS\\IR_GEMS",
    "ScanningSequence": "RM",
    "SequenceVariant": "NONE",
    "SeriesDescription": "ORIG Anat T1w MP-RAGE 1mm (ABCD)",
    "SeriesNumber": 40003,
    "SliceThickness": 1,
    "SoftwareVersions": "27\\LX\\MR Software release:DV26.0_R03_1831.b",
    "SpacingBetweenSlices": 1,
    "StationName": "FMRI3tb",
    "acq_id": "MPRAGE",
    "dataset": "ds004215",
    "modality": "T1w",
    "session_id": "01",
    "subject_id": "ON89474"
  },
  "cjv": 0.3442104169227156,
  "cnr": 3.9304783490219104,
  "efc": 0.399524890083075,
  "fber": 4977.346871168071,
  "fwhm_avg": 3.592464862011625,
  "fwhm_x": 3.5561545860348747,
  "fwhm_y": 3.63697,
  "fwhm_z": 3.58427,
  "icvs_csf": 0.23551470095975865,
  "icvs_gm": 0.43354263908599466,
  "icvs_wm": 0.33094265995424665,
  "inu_med": 0.7664036154747009,
  "inu_range": 0.3399400115013119,
  "provenance": {
    "md5sum": "3e238592768cd0dedad21f79d2caee5d",
    "settings": {
      "testing": false
    },
    "software": "mriqc",
    "version": "22.0.6",
    "warnings": {
      "large_rot_frame": true,
      "small_air_mask": false
    },
    "webapi_port": null,
    "webapi_url": "https://mriqc.nimh.nih.gov/api/v1"
  },
  "qi_1": 0.0,
  "qi_2": 0.0015282646537666809,
  "rpve_csf": 32.52315937832577,
  "rpve_gm": 17.567889428406378,
  "rpve_wm": 25.80815662547447,
  "size_x": 208,
  "size_y": 256,
  "size_z": 256,
  "snr_csf": 1.2024878606315097,
  "snr_gm": 8.02342380190121,
  "snr_total": 9.287475662347166,
  "snr_wm": 18.63651532450878,
  "snrd_csf": 8.027537293176545,
  "snrd_gm": 35.75646564376255,
  "snrd_total": 33.64524788470084,
  "snrd_wm": 57.151740717163406,
  "spacing_x": 1.0001983642578125,
  "spacing_y": 1.0,
  "spacing_z": 1.0,
  "summary_bg_k": 3.277369515548573,
  "summary_bg_mad": 11.463419036915239,
  "summary_bg_mean": 11.236570054400632,
  "summary_bg_median": 8.8835269510746,
  "summary_bg_n": 4058298.0,
  "summary_bg_p05": 0.0,
  "summary_bg_p95": 31.119762621819973,
  "summary_bg_stdv": 10.598114248511267,
  "summary_csf_k": 0.0791725432440864,
  "summary_csf_mad": 115.69110134418713,
  "summary_csf_mean": 170.99822362389105,
  "summary_csf_median": 140.4639153406024,
  "summary_csf_n": 33854.0,
  "summary_csf_p05": 28.615101550892,
  "summary_csf_p95": 392.7670480683446,
  "summary_csf_stdv": 116.80936279666261,
  "summary_gm_k": 0.029763290980672874,
  "summary_gm_mad": 77.96750961987031,
  "summary_gm_mean": 626.5979618878148,
  "summary_gm_median": 625.6580293104053,
  "summary_gm_n": 27409.0,
  "summary_gm_p05": 499.5612995326519,
  "summary_gm_p95": 754.1456342428921,
  "summary_gm_stdv": 77.97751075914036,
  "summary_wm_k": 0.5335473215499493,
  "summary_wm_mad": 50.89432849013432,
  "summary_wm_mean": 997.6537953449534,
  "summary_wm_median": 1000.0274027362466,
  "summary_wm_n": 141632.0,
  "summary_wm_p05": 905.735892906785,
  "summary_wm_p95": 1081.1855501905084,
  "summary_wm_stdv": 53.65938078791511,
  "tpm_overlap_csf": 0.13485300341119966,
  "tpm_overlap_gm": 0.4730221201581454,
  "tpm_overlap_wm": 0.487533996236489,
  "wm2max": 0.7296497089243204
}