{
  "bids_meta": {
    "AcquisitionMatrixPE": 256,
    "AcquisitionNumber": 1,
    "AcquisitionTime": "14:35:8.000000",
    "BodyPartExamined": "BRAIN",
    "CoilString": "32Ch Head",
    "ConversionSoftware": "dcm2niix",
    "ConversionSoftwareVersion": "v1.0.20211006",
    "Dcm2bidsVersion": "2.1.6",
    "DeviceSerialNumber": "000301496MR3T6MR",
    "EchoTime": 0.066902,
    "EchoTrainLength": 140,
    "FlipAngle": 90,
    "ImageOrientationPatientDICOM": [
      0,
      1,
      0,
      0,
      0,
      -1
    ],
    "ImageType": [
      "ORIGINAL",
      "PRIMARY",
      "OTHER"
    ],
    "ImagingFrequency": 127.697,
    "InPlanePhaseEncodingDirectionDICOM": "ROW",
    "InstitutionName": "NIH FMRIF",
    "MRAcquisitionType": "3D",
    "MagneticFieldStrength": 3,
    "Manufacturer": "GE",
    "ManufacturersModelName": "DISCOVERY MR750",
    "Modality": "MR",
    "ParallelReductionFactorInPlane": 2,
    "ParallelReductionOutOfPlane": 1.5,
    "PatientPosition": "HFS",
    "PercentPhaseFOV": 100,
    "PercentSampling": 100,
    "PhaseEncodingAxis": "i",
    "PixelBandwidth": 244.141,
    "ProcedureStepDescription": "MRI Brain",
    "ProtocolName": "ADNI3 FMRIF Enhanced Pro",
    "ReconMatrixPE": 256,
    "RepetitionTime": 3.202,
    "SAR": 0.4952,
    "ScanOptions": "SAT_GEMS\\EDR_GEMS\\PROMO_GEMS\\FILTERED_GEMS\\ACC_GEMS\\FS\\FR_GEMS",
    "ScanningSequence": "RM",
    "SequenceVariant": "NONE",
    "SeriesDescription": "Anat T2w CUBE (ABCD)",
    "SeriesNumber": 4,
    "SliceThickness": 1,
    "SoftwareVersions": "27\\LX\\MR Software release:DV26.0_R03_1831.b",
    "SpacingBetweenSlices": 1,
    "StationName": "FMRI3tb",
    "acq_id": "CUBE",
    "dataset": "ds004215",
    "modality": "T2w",
    "rec_id": "SCIC",
    "session_id": "01",
    "subject_id": "ON89474"
  },
  "cjv": 1.1884890221972806,
  "cnr": 0.4935309310615032,
  "efc": 0.4200660141412543,
  "fber": 9076.892561983472,
  "fwhm_avg": 2.27394,
  "fwhm_x": 1.92166,
  "fwhm_y": 2.55166,
  "fwhm_z": 2.3485,
  "icvs_csf": 0.23359718232243765,
  "icvs_gm": 0.552905803525233,
  "icvs_wm": 0.21349701415232938,
  "inu_med": 0.8530912399291992,
  "inu_range": 0.15099201202392576,
  "provenance": {
    "md5sum": "158e57211e4e55a86be9012067c0421b",
    "settings": {
      "testing": false
    },
    "software": "mriqc",
    "version": "22.0.6",
    "warnings": {
      "large_rot_frame": true,
      "small_air_mask": false
    },
    "webapi_port": null,
    "webapi_url": "https://mriqc.nimh.nih.gov/api/v1"
  },
  "qi_1": 0.0,
  "qi_2": 0.02861286180693744,
  "rpve_csf": 27.305952817252297,
  "rpve_gm": 14.918761093441692,
  "rpve_wm": 40.733118038661466,
  "size_x": 204,
  "size_y": 256,
  "size_z": 256,
  "snr_csf": 11.827362184691665,
  "snr_gm": 11.702458029815656,
  "snr_total": 7.971731166928369,
  "snr_wm": 0.38537328627778705,
  "snrd_csf": 66.73518461631667,
  "snrd_gm": 48.16740052155572,
  "snrd_total": 45.329627813677256,
  "snrd_wm": 21.086298303159356,
  "spacing_x": 1.0,
  "spacing_y": 1.0,
  "spacing_z": 1.0,
  "summary_bg_k": 269.70647937949695,
  "summary_bg_mad": 31.123913281482125,
  "summary_bg_mean": 14.077480257675493,
  "summary_bg_median": 20.992760494351387,
  "summary_bg_n": 2977759.0,
  "summary_bg_p05": 0.0,
  "summary_bg_p95": 43.640122801065445,
  "summary_bg_stdv": 19.737197846839432,
  "summary_csf_k": 1.6442655103355257,
  "summary_csf_mad": 238.25892236169074,
  "summary_csf_mean": 3185.037691653766,
  "summary_csf_median": 3170.423897713423,
  "summary_csf_n": 9921.0,
  "summary_csf_p05": 2795.7599998265505,
  "summary_csf_p95": 3657.187068387866,
  "summary_csf_stdv": 268.0448996738878,
  "summary_gm_k": 0.08612858622438191,
  "summary_gm_mad": 197.6291833489185,
  "summary_gm_mean": 2293.2233458376595,
  "summary_gm_median": 2288.314306497574,
  "summary_gm_n": 155721.0,
  "summary_gm_p05": 1982.109558597207,
  "summary_gm_p95": 2616.752766251564,
  "summary_gm_stdv": 195.54071060748007,
  "summary_wm_k": -1.6802302345293183,
  "summary_wm_mad": 1331.428881460053,
  "summary_wm_mean": 2629.1375166069356,
  "summary_wm_median": 1001.7579847723246,
  "summary_wm_n": 47749.0,
  "summary_wm_p05": 90.3826240003109,
  "summary_wm_p95": 6247.466205641627,
  "summary_wm_stdv": 2599.4212119913996,
  "tpm_overlap_csf": 0.09904071795911175,
  "tpm_overlap_gm": 0.3612808180561503,
  "tpm_overlap_wm": 0.04313209998225266,
  "wm2max": 0.15925493613033687
}