{
  "bids_meta": {
    "AcquisitionMatrixPE": 256,
    "AcquisitionNumber": 1,
    "AcquisitionTime": "14:28:15.000000",
    "BodyPartExamined": "BRAIN",
    "CoilString": "32Ch Head",
    "ConversionSoftware": "dcm2niix",
    "ConversionSoftwareVersion": "v1.0.20211006",
    "Dcm2bidsVersion": "2.1.6",
    "DeviceSerialNumber": "000301496MR3T6MR",
    "EchoTime": 0.00292,
    "FlipAngle": 8,
    "ImageOrientationPatientDICOM": [
      0,
      1,
      0,
      0,
      0,
      -1
    ],
    "ImageType": [
      "ORIGINAL",
      "PRIMARY",
      "OTHER"
    ],
    "ImagingFrequency": 127.697,
    "InPlanePhaseEncodingDirectionDICOM": "ROW",
    "InstitutionName": "NIH FMRIF",
    "InversionTime": 1.06,
    "MRAcquisitionType": "3D",
    "MagneticFieldStrength": 3,
    "Manufacturer": "GE",
    "ManufacturersModelName": "DISCOVERY MR750",
    "Modality": "MR",
    "ParallelReductionFactorInPlane": 2,
    "ParallelReductionOutOfPlane": 2,
    "PatientPosition": "HFS",
    "PercentPhaseFOV": 100,
    "PercentSampling": 100,
    "PixelBandwidth": 244.141,
    "ProcedureStepDescription": "MRI Brain",
    "ProtocolName": "ADNI3 FMRIF Enhanced Pro",
    "ReconMatrixPE": 256,
    "RepetitionTime": 0.006952,
    "SAR": 0.0998878,
    "ScanOptions": "EDR_GEMS\\PROMO_GEMS\\FILTERED_GEMS\\ACC_GEMS\\IR_GEMS",
    "ScanningSequence": "RM",
    "SequenceVariant": "NONE",
    "SeriesDescription": "Anat T1w MP-RAGE 1mm (ABCD)",
    "SeriesNumber": 3,
    "SliceThickness": 1,
    "SoftwareVersions": "27\\LX\\MR Software release:DV26.0_R03_1831.b",
    "SpacingBetweenSlices": 1,
    "StationName": "FMRI3tb",
    "acq_id": "MPRAGE",
    "dataset": "ds004215",
    "modality": "T1w",
    "rec_id": "SCIC",
    "session_id": "01",
    "subject_id": "ON89474"
  },
  "cjv": 0.3395699437559257,
  "cnr": 4.002787989289422,
  "efc": 0.6268809688642355,
  "fber": 22931.060592230664,
  "fwhm_avg": 3.3612303763088174,
  "fwhm_x": 3.321521128926452,
  "fwhm_y": 3.44966,
  "fwhm_z": 3.31251,
  "icvs_csf": 0.24120752517642818,
  "icvs_gm": 0.43193020188382575,
  "icvs_wm": 0.32686227293974607,
  "inu_med": 0.5147369503974915,
  "inu_range": 0.0772506713867187,
  "provenance": {
    "md5sum": "10c51a1435825181c644ad2bc28c5039",
    "settings": {
      "testing": false
    },
    "software": "mriqc",
    "version": "22.0.6",
    "warnings": {
      "large_rot_frame": true,
      "small_air_mask": false
    },
    "webapi_port": null,
    "webapi_url": "https://mriqc.nimh.nih.gov/api/v1"
  },
  "qi_1": 0.0,
  "qi_2": 0.004177461754086006,
  "rpve_csf": 31.263528788210486,
  "rpve_gm": 17.404132941978713,
  "rpve_wm": 25.761985524119186,
  "size_x": 208,
  "size_y": 256,
  "size_z": 256,
  "snr_csf": 1.4648571251190914,
  "snr_gm": 8.810585013806351,
  "snr_total": 9.89452913511222,
  "snr_wm": 19.408145266411218,
  "snrd_csf": 19.76060102680712,
  "snrd_gm": 73.08691643595834,
  "snrd_total": 69.0135680877817,
  "snrd_wm": 114.19318680057967,
  "spacing_x": 1.0001983642578125,
  "spacing_y": 1.0,
  "spacing_z": 1.0,
  "summary_bg_k": 5.211440593510183,
  "summary_bg_mad": 5.737026082816896,
  "summary_bg_mean": 7.687629944712261,
  "summary_bg_median": 3.869565289467573,
  "summary_bg_n": 967761.0,
  "summary_bg_p05": 0.0,
  "summary_bg_p95": 36.89130503498018,
  "summary_bg_stdv": 12.48132641115414,
  "summary_csf_k": 0.06395900679893796,
  "summary_csf_mad": 111.42078184437084,
  "summary_csf_mean": 204.61886489644957,
  "summary_csf_median": 173.04348148405552,
  "summary_csf_n": 42760.0,
  "summary_csf_p05": 61.738044628221544,
  "summary_csf_p95": 430.5869645420462,
  "summary_csf_stdv": 118.1285567567589,
  "summary_gm_k": 0.01841451444253428,
  "summary_gm_mad": 73.19542828133241,
  "summary_gm_mean": 639.50638600357,
  "summary_gm_median": 640.0217510517687,
  "summary_gm_n": 31759.0,
  "summary_gm_p05": 519.1956618446857,
  "summary_gm_p95": 757.0434923619032,
  "summary_gm_stdv": 72.64122345373193,
  "summary_wm_k": 0.4520381387943102,
  "summary_wm_mad": 49.038680814639925,
  "summary_wm_mean": 997.9922117517078,
  "summary_wm_median": 999.9891490610316,
  "summary_wm_n": 143244.0,
  "summary_wm_p05": 909.8511039038189,
  "summary_wm_p95": 1078.500020088628,
  "summary_wm_stdv": 51.52401967414411,
  "tpm_overlap_csf": 0.1348948395872658,
  "tpm_overlap_gm": 0.47163537389399013,
  "tpm_overlap_wm": 0.48202621068749524,
  "wm2max": 0.8043839401252054
}