{
  "bids_meta": {
    "AcquisitionMatrixPE": 256,
    "AcquisitionNumber": 1,
    "AcquisitionTime": "15:00:17.000000",
    "BodyPartExamined": "BRAIN",
    "CoilString": "32Ch Head",
    "ConversionSoftware": "dcm2niix",
    "ConversionSoftwareVersion": "v1.0.20211006",
    "Dcm2bidsVersion": "2.1.6",
    "DeviceSerialNumber": "000301496MR3T6MR",
    "EchoTime": 0.00292,
    "FlipAngle": 8,
    "ImageOrientationPatientDICOM": [
      0,
      1,
      0,
      0,
      0,
      -1
    ],
    "ImageType": [
      "ORIGINAL",
      "PRIMARY",
      "OTHER"
    ],
    "ImagingFrequency": 127.696,
    "InPlanePhaseEncodingDirectionDICOM": "ROW",
    "InstitutionName": "NIH FMRIF",
    "InversionTime": 1.06,
    "MRAcquisitionType": "3D",
    "MagneticFieldStrength": 3,
    "Manufacturer": "GE",
    "ManufacturersModelName": "DISCOVERY MR750",
    "Modality": "MR",
    "ParallelReductionFactorInPlane": 2,
    "ParallelReductionOutOfPlane": 2,
    "PatientPosition": "HFS",
    "PercentPhaseFOV": 100,
    "PercentSampling": 100,
    "PixelBandwidth": 244.141,
    "ProcedureStepDescription": "MRI Brain",
    "ProtocolName": "ADNI3 FMRIF Enhanced Pro",
    "ReconMatrixPE": 256,
    "RepetitionTime": 0.006952,
    "SAR": 0.139711,
    "ScanOptions": "EDR_GEMS\\PROMO_GEMS\\ACC_GEMS\\IR_GEMS",
    "ScanningSequence": "RM",
    "SequenceVariant": "NONE",
    "SeriesDescription": "ORIG Anat T1w MP-RAGE 1mm (ABCD)",
    "SeriesNumber": 40003,
    "SliceThickness": 1,
    "SoftwareVersions": "27\\LX\\MR Software release:DV26.0_R03_1831.b",
    "SpacingBetweenSlices": 1,
    "StationName": "FMRI3tb",
    "acq_id": "MPRAGE",
    "dataset": "ds004215",
    "modality": "T1w",
    "session_id": "01",
    "subject_id": "ON22671"
  },
  "cjv": 0.39491481807672796,
  "cnr": 3.3988774616044615,
  "efc": 0.4348390651477274,
  "fber": 3290.297067901235,
  "fwhm_avg": 3.8697199999999996,
  "fwhm_x": 3.72701,
  "fwhm_y": 4.09195,
  "fwhm_z": 3.7902,
  "icvs_csf": 0.22420050524417842,
  "icvs_gm": 0.41959272436957745,
  "icvs_wm": 0.3562067703862441,
  "inu_med": 0.8996021747589111,
  "inu_range": 0.5552526056766509,
  "provenance": {
    "md5sum": "a12304a435018dd3f0b30363035c41bc",
    "settings": {
      "testing": false
    },
    "software": "mriqc",
    "version": "22.0.6",
    "warnings": {
      "large_rot_frame": true,
      "small_air_mask": false
    },
    "webapi_port": null,
    "webapi_url": "https://mriqc.nimh.nih.gov/api/v1"
  },
  "qi_1": 0.0,
  "qi_2": 0.0011286613967869774,
  "rpve_csf": 28.599715120757146,
  "rpve_gm": 15.337010148419353,
  "rpve_wm": 20.830987950325834,
  "size_x": 208,
  "size_y": 256,
  "size_z": 256,
  "snr_csf": 1.390409781980052,
  "snr_gm": 8.080593558089447,
  "snr_total": 8.772079273795905,
  "snr_wm": 16.845234481318215,
  "snrd_csf": 5.368126905505478,
  "snrd_gm": 25.902569797964,
  "snrd_total": 23.62450175877146,
  "snrd_wm": 39.60280857284491,
  "spacing_x": 1.0,
  "spacing_y": 1.0,
  "spacing_z": 1.0,
  "summary_bg_k": 5.991013753816896,
  "summary_bg_mad": 16.542675649882607,
  "summary_bg_mean": 14.96805260393727,
  "summary_bg_median": 11.157865166664124,
  "summary_bg_n": 3906387.0,
  "summary_bg_p05": 0.0,
  "summary_bg_p95": 47.37364786863327,
  "summary_bg_stdv": 16.852823864549404,
  "summary_csf_k": 1.5715443706137338,
  "summary_csf_mad": 80.82078400133325,
  "summary_csf_mean": 157.79336055492803,
  "summary_csf_median": 135.5491501390934,
  "summary_csf_n": 40416.0,
  "summary_csf_p05": 40.13994714617729,
  "summary_csf_p95": 359.36836072802544,
  "summary_csf_stdv": 97.48742777926003,
  "summary_gm_k": 0.08890902805094303,
  "summary_gm_mad": 79.55905450261339,
  "summary_gm_mean": 652.9996285677802,
  "summary_gm_median": 654.0589267611504,
  "summary_gm_n": 21206.0,
  "summary_gm_p05": 518.1906427666545,
  "summary_gm_p95": 786.6649535670877,
  "summary_gm_stdv": 80.94003247708035,
  "summary_wm_k": 0.41882198244557545,
  "summary_wm_mad": 57.05821177544255,
  "summary_wm_mean": 1001.1298551226928,
  "summary_wm_median": 1000.0000260174274,
  "summary_wm_n": 189668.0,
  "summary_wm_p05": 905.7255211770535,
  "summary_wm_p95": 1099.9953007102013,
  "summary_wm_stdv": 59.363815382776174,
  "tpm_overlap_csf": 0.16055822775562775,
  "tpm_overlap_gm": 0.4653373822912828,
  "tpm_overlap_wm": 0.5132004958607249,
  "wm2max": 0.40747091007166525
}