{
  "bids_meta": {
    "AcquisitionMatrixPE": 256,
    "AcquisitionNumber": 1,
    "AcquisitionTime": "15:07:18.000000",
    "BodyPartExamined": "BRAIN",
    "CoilString": "32Ch Head",
    "ConversionSoftware": "dcm2niix",
    "ConversionSoftwareVersion": "v1.0.20211006",
    "Dcm2bidsVersion": "2.1.6",
    "DeviceSerialNumber": "000301496MR3T6MR",
    "EchoTime": 0.059525,
    "EchoTrainLength": 140,
    "FlipAngle": 90,
    "ImageOrientationPatientDICOM": [
      0,
      1,
      0,
      0,
      0,
      -1
    ],
    "ImageType": [
      "ORIGINAL",
      "PRIMARY",
      "OTHER"
    ],
    "ImagingFrequency": 127.696,
    "InPlanePhaseEncodingDirectionDICOM": "ROW",
    "InstitutionName": "NIH FMRIF",
    "MRAcquisitionType": "3D",
    "MagneticFieldStrength": 3,
    "Manufacturer": "GE",
    "ManufacturersModelName": "DISCOVERY MR750",
    "Modality": "MR",
    "ParallelReductionFactorInPlane": 2,
    "ParallelReductionOutOfPlane": 1.5,
    "PatientPosition": "HFS",
    "PercentPhaseFOV": 100,
    "PercentSampling": 100,
    "PhaseEncodingAxis": "i",
    "PixelBandwidth": 244.141,
    "ProcedureStepDescription": "MRI Brain",
    "ProtocolName": "ADNI3 FMRIF Enhanced Pro",
    "ReconMatrixPE": 256,
    "RepetitionTime": 3.202,
    "SAR": 0.3627,
    "ScanOptions": "SAT_GEMS\\EDR_GEMS\\PROMO_GEMS\\FILTERED_GEMS\\ACC_GEMS\\FS\\FR_GEMS",
    "ScanningSequence": "RM",
    "SequenceVariant": "NONE",
    "SeriesDescription": "Anat T2w CUBE (ABCD)",
    "SeriesNumber": 4,
    "SliceThickness": 1,
    "SoftwareVersions": "27\\LX\\MR Software release:DV26.0_R03_1831.b",
    "SpacingBetweenSlices": 1,
    "StationName": "FMRI3tb",
    "acq_id": "CUBE",
    "dataset": "ds004215",
    "modality": "T2w",
    "rec_id": "SCIC",
    "session_id": "01",
    "subject_id": "ON22671"
  },
  "cjv": 0.529087785873372,
  "cnr": 1.3118891161243833,
  "efc": 0.44412672940327796,
  "fber": 2691.27500625,
  "fwhm_avg": 2.2938233333333335,
  "fwhm_x": 1.83872,
  "fwhm_y": 2.58326,
  "fwhm_z": 2.45949,
  "icvs_csf": 0.2837426046626869,
  "icvs_gm": 0.2203768835465406,
  "icvs_wm": 0.4958805117907725,
  "inu_med": 0.7809061110019684,
  "inu_range": 0.13872037827968597,
  "provenance": {
    "md5sum": "1d1d8abc5767e429ca4250bd7c58d8d6",
    "settings": {
      "testing": false
    },
    "software": "mriqc",
    "version": "22.0.6",
    "warnings": {
      "large_rot_frame": true,
      "small_air_mask": false
    },
    "webapi_port": null,
    "webapi_url": "https://mriqc.nimh.nih.gov/api/v1"
  },
  "qi_1": 0.0,
  "qi_2": 0.007278047557497937,
  "rpve_csf": 19.772401382800485,
  "rpve_gm": 33.53917209466086,
  "rpve_wm": 13.681939683475258,
  "size_x": 204,
  "size_y": 256,
  "size_z": 256,
  "snr_csf": 12.31627296531761,
  "snr_gm": 2.29715543453685,
  "snr_total": 8.769323033111998,
  "snr_wm": 11.694540699481534,
  "snrd_csf": 61.6576641903625,
  "snrd_gm": 104.60180686678392,
  "snrd_total": 70.30297936020285,
  "snrd_wm": 44.64946702346212,
  "spacing_x": 1.0,
  "spacing_y": 1.0,
  "spacing_z": 1.0,
  "summary_bg_k": 13.867898913857903,
  "summary_bg_mad": 14.67358761727191,
  "summary_bg_mean": 13.013058966368652,
  "summary_bg_median": 9.897184446454048,
  "summary_bg_n": 3131192.0,
  "summary_bg_p05": 0.0,
  "summary_bg_p95": 39.68482695519924,
  "summary_bg_stdv": 14.234277027225785,
  "summary_csf_k": 0.13907534286165912,
  "summary_csf_mad": 110.97791023160018,
  "summary_csf_mean": 1384.5607401052507,
  "summary_csf_median": 1380.9935423731804,
  "summary_csf_n": 14177.0,
  "summary_csf_p05": 1206.860749617219,
  "summary_csf_p95": 1574.8438326865432,
  "summary_csf_stdv": 112.12359777838125,
  "summary_gm_k": -1.1124705018322187,
  "summary_gm_mad": 625.835634977432,
  "summary_gm_mean": 1840.7392564316372,
  "summary_gm_median": 2342.846127897501,
  "summary_gm_n": 71031.0,
  "summary_gm_p05": 81.91601689904928,
  "summary_gm_p95": 2834.534407630563,
  "summary_gm_stdv": 1019.8829390907237,
  "summary_wm_k": 0.13476350812510018,
  "summary_wm_mad": 84.6224373267914,
  "summary_wm_mean": 1001.6164320194566,
  "summary_wm_median": 1000.0480303540826,
  "summary_wm_n": 156054.0,
  "summary_wm_p05": 863.601409830153,
  "summary_wm_p95": 1144.181784428656,
  "summary_wm_stdv": 85.51381810320039,
  "tpm_overlap_csf": 0.09363180111233114,
  "tpm_overlap_gm": 0.12009075966038629,
  "tpm_overlap_wm": 0.43908774612427404,
  "wm2max": 0.3500182454262143
}