{
  "bids_meta": {
    "AcquisitionMatrixPE": 256,
    "AcquisitionNumber": 1,
    "AcquisitionTime": "16:22:6.000000",
    "BodyPartExamined": "BRAIN",
    "CoilString": "32Ch Head",
    "ConversionSoftware": "dcm2niix",
    "ConversionSoftwareVersion": "v1.0.20211006",
    "Dcm2bidsVersion": "2.1.6",
    "DeviceSerialNumber": "000301496MR3T6MR",
    "EchoTime": 0.00292,
    "FlipAngle": 8,
    "ImageOrientationPatientDICOM": [
      0,
      1,
      0,
      0,
      0,
      -1
    ],
    "ImageType": [
      "ORIGINAL",
      "PRIMARY",
      "OTHER"
    ],
    "ImagingFrequency": 127.696,
    "InPlanePhaseEncodingDirectionDICOM": "ROW",
    "InstitutionName": "NIH FMRIF",
    "InversionTime": 1.06,
    "MRAcquisitionType": "3D",
    "MagneticFieldStrength": 3,
    "Manufacturer": "GE",
    "ManufacturersModelName": "DISCOVERY MR750",
    "Modality": "MR",
    "ParallelReductionFactorInPlane": 2,
    "ParallelReductionOutOfPlane": 2,
    "PatientPosition": "HFS",
    "PercentPhaseFOV": 100,
    "PercentSampling": 100,
    "PixelBandwidth": 244.141,
    "ProcedureStepDescription": "MRI Brain",
    "ProtocolName": "ADNI3 FMRIF Enhanced Pro",
    "ReconMatrixPE": 256,
    "RepetitionTime": 0.006952,
    "SAR": 0.131252,
    "ScanOptions": "EDR_GEMS\\PROMO_GEMS\\ACC_GEMS\\IR_GEMS",
    "ScanningSequence": "RM",
    "SequenceVariant": "NONE",
    "SeriesDescription": "ORIG Anat T1w MP-RAGE 1mm (ABCD)",
    "SeriesNumber": 40003,
    "SliceThickness": 1,
    "SoftwareVersions": "27\\LX\\MR Software release:DV26.0_R03_1831.b",
    "SpacingBetweenSlices": 1,
    "StationName": "FMRI3tb",
    "acq_id": "MPRAGE",
    "dataset": "ds004215",
    "modality": "T1w",
    "session_id": "01",
    "subject_id": "ON08571"
  },
  "cjv": 0.4450105911741755,
  "cnr": 3.0173129150031976,
  "efc": 0.4660013421824127,
  "fber": 3486.758477096966,
  "fwhm_avg": 3.9513206813181223,
  "fwhm_x": 3.844992043954367,
  "fwhm_y": 4.15155,
  "fwhm_z": 3.85742,
  "icvs_csf": 0.2688314396329228,
  "icvs_gm": 0.37613884760905036,
  "icvs_wm": 0.3550297127580269,
  "inu_med": 0.9933162331581116,
  "inu_range": 0.8116568207740781,
  "provenance": {
    "md5sum": "47679be512590382786165978c061170",
    "settings": {
      "testing": false
    },
    "software": "mriqc",
    "version": "22.0.6",
    "warnings": {
      "large_rot_frame": true,
      "small_air_mask": false
    },
    "webapi_port": null,
    "webapi_url": "https://mriqc.nimh.nih.gov/api/v1"
  },
  "qi_1": 0.00023508582882377223,
  "qi_2": 0.0011313430782323726,
  "rpve_csf": 22.55617507991476,
  "rpve_gm": 14.846691532467075,
  "rpve_wm": 18.47286308842567,
  "size_x": 208,
  "size_y": 256,
  "size_z": 256,
  "snr_csf": 1.5713590482660196,
  "snr_gm": 8.010287182503287,
  "snr_total": 8.030481404750274,
  "snr_wm": 14.50979798348152,
  "snrd_csf": 5.2830411056660775,
  "snrd_gm": 28.069333128401997,
  "snrd_total": 25.09672635774533,
  "snrd_wm": 41.93780483916791,
  "spacing_x": 0.9997940063476562,
  "spacing_y": 1.0,
  "spacing_z": 1.0,
  "summary_bg_k": 1549.7336201908151,
  "summary_bg_mad": 15.622346596359998,
  "summary_bg_mean": 15.487014765839584,
  "summary_bg_median": 10.537112653255463,
  "summary_bg_n": 3300829.0,
  "summary_bg_p05": 0.0,
  "summary_bg_p95": 42.94106528162956,
  "summary_bg_stdv": 16.754823443341756,
  "summary_csf_k": 4.12823491994478,
  "summary_csf_mad": 61.867257538682296,
  "summary_csf_mean": 140.73156269698686,
  "summary_csf_median": 125.97910791635513,
  "summary_csf_n": 78191.0,
  "summary_csf_p05": 44.526294618844986,
  "summary_csf_p95": 296.3213250786066,
  "summary_csf_stdv": 80.17155752344665,
  "summary_gm_k": 0.20274636692756598,
  "summary_gm_mad": 81.08412636075344,
  "summary_gm_mean": 665.9313701939104,
  "summary_gm_median": 669.3397754430771,
  "summary_gm_n": 17221.0,
  "summary_gm_p05": 522.1465690433979,
  "summary_gm_p95": 797.7899761497974,
  "summary_gm_stdv": 83.55759613696,
  "summary_wm_k": 0.3419804676099658,
  "summary_wm_mad": 66.08390861115114,
  "summary_wm_mean": 1002.2687329707248,
  "summary_wm_median": 1000.0465898215771,
  "summary_wm_n": 207914.0,
  "summary_wm_p05": 893.2767315208912,
  "summary_wm_p95": 1119.5915316045284,
  "summary_wm_stdv": 68.92199229821586,
  "tpm_overlap_csf": 0.16755030833086806,
  "tpm_overlap_gm": 0.42447631350290005,
  "tpm_overlap_wm": 0.48977573143209585,
  "wm2max": 0.41926550914409666
}