{
  "bids_meta": {
    "AcquisitionMatrixPE": 256,
    "AcquisitionNumber": 1,
    "AcquisitionTime": "16:28:36.000000",
    "BodyPartExamined": "BRAIN",
    "CoilString": "32Ch Head",
    "ConversionSoftware": "dcm2niix",
    "ConversionSoftwareVersion": "v1.0.20211006",
    "Dcm2bidsVersion": "2.1.6",
    "DeviceSerialNumber": "000301496MR3T6MR",
    "EchoTime": 0.067099,
    "EchoTrainLength": 140,
    "FlipAngle": 90,
    "ImageOrientationPatientDICOM": [
      0,
      1,
      0,
      0,
      0,
      -1
    ],
    "ImageType": [
      "ORIGINAL",
      "PRIMARY",
      "OTHER"
    ],
    "ImagingFrequency": 127.696,
    "InPlanePhaseEncodingDirectionDICOM": "ROW",
    "InstitutionName": "NIH FMRIF",
    "MRAcquisitionType": "3D",
    "MagneticFieldStrength": 3,
    "Manufacturer": "GE",
    "ManufacturersModelName": "DISCOVERY MR750",
    "Modality": "MR",
    "ParallelReductionFactorInPlane": 2,
    "ParallelReductionOutOfPlane": 1.5,
    "PatientPosition": "HFS",
    "PercentPhaseFOV": 100,
    "PercentSampling": 100,
    "PhaseEncodingAxis": "i",
    "PixelBandwidth": 244.141,
    "ProcedureStepDescription": "MRI Brain",
    "ProtocolName": "ADNI3 FMRIF Enhanced Pro",
    "ReconMatrixPE": 256,
    "RepetitionTime": 3.202,
    "SAR": 0.4194,
    "ScanOptions": "SAT_GEMS\\EDR_GEMS\\PROMO_GEMS\\ACC_GEMS\\FS\\FR_GEMS",
    "ScanningSequence": "RM",
    "SequenceVariant": "NONE",
    "SeriesDescription": "ORIG Anat T2w CUBE (ABCD)",
    "SeriesNumber": 40004,
    "SliceThickness": 1,
    "SoftwareVersions": "27\\LX\\MR Software release:DV26.0_R03_1831.b",
    "SpacingBetweenSlices": 1,
    "StationName": "FMRI3tb",
    "acq_id": "CUBE",
    "dataset": "ds004215",
    "modality": "T2w",
    "session_id": "01",
    "subject_id": "ON08571"
  },
  "cjv": 0.23371581450761297,
  "cnr": 4.659688756707841,
  "efc": 0.40809821882541164,
  "fber": 2908.664812894712,
  "fwhm_avg": 2.7162400000000004,
  "fwhm_x": 2.27441,
  "fwhm_y": 2.98648,
  "fwhm_z": 2.88783,
  "icvs_csf": 0.2450894266706606,
  "icvs_gm": 0.700878329208016,
  "icvs_wm": 0.05403224412132346,
  "inu_med": 0.9291228950023651,
  "inu_range": 0.7351798117160794,
  "provenance": {
    "md5sum": "e8f5eb18601d7933bf291bed4c9de44e",
    "settings": {
      "testing": false
    },
    "software": "mriqc",
    "version": "22.0.6",
    "warnings": {
      "large_rot_frame": true,
      "small_air_mask": false
    },
    "webapi_port": null,
    "webapi_url": "https://mriqc.nimh.nih.gov/api/v1"
  },
  "qi_1": 0.00019399605856788325,
  "qi_2": 0.007824389126374103,
  "rpve_csf": 23.17317044282808,
  "rpve_gm": 10.291368953378273,
  "rpve_wm": 107.52667654686921,
  "size_x": 204,
  "size_y": 256,
  "size_z": 256,
  "snr_csf": 5.536295298283732,
  "snr_gm": 8.768758755008262,
  "snr_total": 5.038955208590681,
  "snr_wm": 0.8118115724800503,
  "snrd_csf": 85.25408175224838,
  "snrd_gm": 29.716007075638366,
  "snrd_total": 39.52246844229901,
  "snrd_wm": 3.5973164990102804,
  "spacing_x": 1.0,
  "spacing_y": 1.0,
  "spacing_z": 1.0,
  "summary_bg_k": 46.51887356527498,
  "summary_bg_mad": 182.42759505127023,
  "summary_bg_mean": 137.41055157338945,
  "summary_bg_median": 123.0455430150032,
  "summary_bg_n": 3130927.0,
  "summary_bg_p05": 0.0,
  "summary_bg_p95": 409.9252068400383,
  "summary_bg_stdv": 152.8548067022389,
  "summary_csf_k": 2.5764033860111626,
  "summary_csf_mad": 3581.02345423847,
  "summary_csf_mean": 23158.873531050598,
  "summary_csf_median": 23739.632086336613,
  "summary_csf_n": 75173.0,
  "summary_csf_p05": 15518.694231748581,
  "summary_csf_p95": 29036.028913021088,
  "summary_csf_stdv": 4287.971090194473,
  "summary_gm_k": -0.10251426237533012,
  "summary_gm_mad": 956.4850149373228,
  "summary_gm_mean": 8312.35179172897,
  "summary_gm_median": 8274.642815351486,
  "summary_gm_n": 556260.0,
  "summary_gm_p05": 6828.687732517719,
  "summary_gm_p95": 9935.41774123907,
  "summary_gm_stdv": 943.649564184284,
  "summary_wm_k": 9.6026532510472,
  "summary_wm_mad": 743.3168582890154,
  "summary_wm_mean": 1407.2436515928987,
  "summary_wm_median": 1001.6994896829128,
  "summary_wm_n": 7624.0,
  "summary_wm_p05": 294.3575697541237,
  "summary_wm_p95": 3906.763971689343,
  "summary_wm_stdv": 1233.8254684404433,
  "tpm_overlap_csf": 0.15442713480116937,
  "tpm_overlap_gm": 0.41650079440127413,
  "tpm_overlap_wm": 0.017159870581051822,
  "wm2max": 0.031558322440964084
}