{
  "bids_meta": {
    "AcquisitionMatrixPE": 256,
    "AcquisitionNumber": 1,
    "AcquisitionTime": "16:22:6.000000",
    "BodyPartExamined": "BRAIN",
    "CoilString": "32Ch Head",
    "ConversionSoftware": "dcm2niix",
    "ConversionSoftwareVersion": "v1.0.20211006",
    "Dcm2bidsVersion": "2.1.6",
    "DeviceSerialNumber": "000301496MR3T6MR",
    "EchoTime": 0.00292,
    "FlipAngle": 8,
    "ImageOrientationPatientDICOM": [
      0,
      1,
      0,
      0,
      0,
      -1
    ],
    "ImageType": [
      "ORIGINAL",
      "PRIMARY",
      "OTHER"
    ],
    "ImagingFrequency": 127.696,
    "InPlanePhaseEncodingDirectionDICOM": "ROW",
    "InstitutionName": "NIH FMRIF",
    "InversionTime": 1.06,
    "MRAcquisitionType": "3D",
    "MagneticFieldStrength": 3,
    "Manufacturer": "GE",
    "ManufacturersModelName": "DISCOVERY MR750",
    "Modality": "MR",
    "ParallelReductionFactorInPlane": 2,
    "ParallelReductionOutOfPlane": 2,
    "PatientPosition": "HFS",
    "PercentPhaseFOV": 100,
    "PercentSampling": 100,
    "PixelBandwidth": 244.141,
    "ProcedureStepDescription": "MRI Brain",
    "ProtocolName": "ADNI3 FMRIF Enhanced Pro",
    "ReconMatrixPE": 256,
    "RepetitionTime": 0.006952,
    "SAR": 0.131252,
    "ScanOptions": "EDR_GEMS\\PROMO_GEMS\\FILTERED_GEMS\\ACC_GEMS\\IR_GEMS",
    "ScanningSequence": "RM",
    "SequenceVariant": "NONE",
    "SeriesDescription": "Anat T1w MP-RAGE 1mm (ABCD)",
    "SeriesNumber": 3,
    "SliceThickness": 1,
    "SoftwareVersions": "27\\LX\\MR Software release:DV26.0_R03_1831.b",
    "SpacingBetweenSlices": 1,
    "StationName": "FMRI3tb",
    "acq_id": "MPRAGE",
    "dataset": "ds004215",
    "modality": "T1w",
    "rec_id": "SCIC",
    "session_id": "01",
    "subject_id": "ON08571"
  },
  "cjv": 0.4067108530558773,
  "cnr": 3.296284638159963,
  "efc": 0.6822493100334446,
  "fber": 3928.6472090061516,
  "fwhm_avg": 3.509407018098109,
  "fwhm_x": 3.403281054294326,
  "fwhm_y": 3.75001,
  "fwhm_z": 3.37493,
  "icvs_csf": 0.2756727230821378,
  "icvs_gm": 0.3814664406566017,
  "icvs_wm": 0.34286083626126057,
  "inu_med": 0.5510246157646179,
  "inu_range": 0.1022338077425956,
  "provenance": {
    "md5sum": "293fc9fc5f1b5c2514bf261750e43da1",
    "settings": {
      "testing": false
    },
    "software": "mriqc",
    "version": "22.0.6",
    "warnings": {
      "large_rot_frame": true,
      "small_air_mask": false
    },
    "webapi_port": null,
    "webapi_url": "https://mriqc.nimh.nih.gov/api/v1"
  },
  "qi_1": 0.0005028324772063852,
  "qi_2": 0.0034314467269236457,
  "rpve_csf": 21.954783975626356,
  "rpve_gm": 14.743976193812843,
  "rpve_wm": 19.143440144248434,
  "size_x": 208,
  "size_y": 256,
  "size_z": 256,
  "snr_csf": 2.152487580417885,
  "snr_gm": 9.503064614071613,
  "snr_total": 9.539883486528558,
  "snr_wm": 16.964098265096176,
  "snrd_csf": 10.215926467653064,
  "snrd_gm": 40.1336749540883,
  "snrd_total": 36.18259541890964,
  "snrd_wm": 58.19818483498755,
  "spacing_x": 0.9997940063476562,
  "spacing_y": 1.0,
  "spacing_z": 1.0,
  "summary_bg_k": 5.06765659035038,
  "summary_bg_mad": 0.0,
  "summary_bg_mean": 6.412165243914125,
  "summary_bg_median": 0.0,
  "summary_bg_n": 930604.0,
  "summary_bg_p05": 0.0,
  "summary_bg_p95": 32.9866029471159,
  "summary_bg_stdv": 11.257280448127648,
  "summary_csf_k": 2.995571921152667,
  "summary_csf_mad": 65.13147905244789,
  "summary_csf_mean": 191.40340527084993,
  "summary_csf_median": 175.54138235002756,
  "summary_csf_n": 88155.0,
  "summary_csf_p05": 91.29390815645456,
  "summary_csf_p95": 350.92789801955223,
  "summary_csf_stdv": 81.5523342869145,
  "summary_gm_k": 0.21848813947033596,
  "summary_gm_mad": 69.76186034818595,
  "summary_gm_mean": 688.5468961697104,
  "summary_gm_median": 689.621328279376,
  "summary_gm_n": 17033.0,
  "summary_gm_p05": 565.4853594109416,
  "summary_gm_p95": 806.1275320217013,
  "summary_gm_stdv": 72.5661786280437,
  "summary_wm_k": 0.38360670267856145,
  "summary_wm_mad": 56.48299828520157,
  "summary_wm_mean": 999.5484063578239,
  "summary_wm_median": 1000.025778234005,
  "summary_wm_n": 201031.0,
  "summary_wm_p05": 901.8661139085889,
  "summary_wm_p95": 1095.397842310369,
  "summary_wm_stdv": 58.94939273287291,
  "tpm_overlap_csf": 0.1636581697821795,
  "tpm_overlap_gm": 0.42822063615827244,
  "tpm_overlap_wm": 0.49281626074691004,
  "wm2max": 0.6693386773547094
}