{
  "bids_meta": {
    "AcquisitionMatrixPE": 256,
    "AcquisitionNumber": 1,
    "AcquisitionTime": "14:14:0.000000",
    "BodyPartExamined": "BRAIN",
    "CoilString": "32Ch Head",
    "ConversionSoftware": "dcm2niix",
    "ConversionSoftwareVersion": "v1.0.20211006",
    "Dcm2bidsVersion": "2.1.6",
    "DeviceSerialNumber": "000301496MR3T6MR",
    "EchoTime": 0.058984,
    "EchoTrainLength": 140,
    "FlipAngle": 90,
    "ImageOrientationPatientDICOM": [
      0,
      1,
      0,
      0,
      0,
      -1
    ],
    "ImageType": [
      "ORIGINAL",
      "PRIMARY",
      "OTHER"
    ],
    "ImagingFrequency": 127.697,
    "InPlanePhaseEncodingDirectionDICOM": "ROW",
    "InstitutionName": "NIH FMRIF",
    "MRAcquisitionType": "3D",
    "MagneticFieldStrength": 3,
    "Manufacturer": "GE",
    "ManufacturersModelName": "DISCOVERY MR750",
    "Modality": "MR",
    "ParallelReductionFactorInPlane": 2,
    "ParallelReductionOutOfPlane": 1.5,
    "PatientPosition": "HFS",
    "PercentPhaseFOV": 100,
    "PercentSampling": 100,
    "PhaseEncodingAxis": "i",
    "PixelBandwidth": 244.141,
    "ProcedureStepDescription": "MRI Brain",
    "ProtocolName": "ADNI3 FMRIF Enhanced Pro",
    "ReconMatrixPE": 256,
    "RepetitionTime": 3.202,
    "SAR": 0.3866,
    "ScanOptions": "SAT_GEMS\\EDR_GEMS\\PROMO_GEMS\\FILTERED_GEMS\\ACC_GEMS\\FS\\FR_GEMS",
    "ScanningSequence": "RM",
    "SequenceVariant": "NONE",
    "SeriesDescription": "Anat T2w CUBE (ABCD)",
    "SeriesNumber": 4,
    "SliceThickness": 1,
    "SoftwareVersions": "27\\LX\\MR Software release:DV26.0_R03_1831.b",
    "SpacingBetweenSlices": 1,
    "StationName": "FMRI3tb",
    "acq_id": "CUBE",
    "dataset": "ds004215",
    "modality": "T2w",
    "rec_id": "SCIC",
    "session_id": "01",
    "subject_id": "ON54268"
  },
  "cjv": 0.9636714215503637,
  "cnr": 1.0151890899374818,
  "efc": 0.48620754275594313,
  "fber": 5807.465814534024,
  "fwhm_avg": 2.33566,
  "fwhm_x": 1.89875,
  "fwhm_y": 2.72403,
  "fwhm_z": 2.3842,
  "icvs_csf": 0.3358794920940232,
  "icvs_gm": 0.4743612167248731,
  "icvs_wm": 0.1897592911811037,
  "inu_med": 0.8615611791610718,
  "inu_range": 0.13401076793670652,
  "provenance": {
    "md5sum": "64015111da96cb7cb6f5939508bdd366",
    "settings": {
      "testing": false
    },
    "software": "mriqc",
    "version": "22.0.6",
    "warnings": {
      "large_rot_frame": true,
      "small_air_mask": false
    },
    "webapi_port": null,
    "webapi_url": "https://mriqc.nimh.nih.gov/api/v1"
  },
  "qi_1": 0.0,
  "qi_2": 0.00554324048862906,
  "rpve_csf": 15.077125339680515,
  "rpve_gm": 11.954009894574478,
  "rpve_wm": 32.46960918263716,
  "size_x": 204,
  "size_y": 256,
  "size_z": 256,
  "snr_csf": 13.853801889196248,
  "snr_gm": 13.327086085754976,
  "snr_total": 9.666633585506775,
  "snr_wm": 1.8190127815691026,
  "snrd_csf": 76.66414652732297,
  "snrd_gm": 55.79917954980233,
  "snrd_total": 86.34306669682188,
  "snrd_wm": 126.56587401334035,
  "spacing_x": 1.0,
  "spacing_y": 1.0,
  "spacing_z": 1.0,
  "summary_bg_k": 110.12973062527189,
  "summary_bg_mad": 0.0,
  "summary_bg_mean": 3.3737584974525885,
  "summary_bg_median": 0.0,
  "summary_bg_n": 3257857.0,
  "summary_bg_p05": 0.0,
  "summary_bg_p95": 13.3644233122468,
  "summary_bg_stdv": 5.180606854350478,
  "summary_csf_k": 0.5278674631946081,
  "summary_csf_mad": 41.884944746947966,
  "summary_csf_mean": 607.6994069931236,
  "summary_csf_median": 606.2352862432599,
  "summary_csf_n": 31108.0,
  "summary_csf_p05": 538.7222786545753,
  "summary_csf_p95": 681.7367213368416,
  "summary_csf_stdv": 43.75878527584583,
  "summary_gm_k": 0.22882307767286347,
  "summary_gm_mad": 32.87415991984376,
  "summary_gm_mean": 441.27583312509034,
  "summary_gm_median": 441.2418727502227,
  "summary_gm_n": 164074.0,
  "summary_gm_p05": 387.1580595076084,
  "summary_gm_p95": 495.1313728913665,
  "summary_gm_stdv": 33.10855240718547,
  "summary_wm_k": -1.749322325212929,
  "summary_wm_mad": 506.39650431541213,
  "summary_wm_mean": 756.4410518122799,
  "summary_wm_median": 1000.8420146405697,
  "summary_wm_n": 73573.0,
  "summary_wm_p05": 29.384459011256695,
  "summary_wm_p95": 1351.793066240847,
  "summary_wm_stdv": 550.2079056643403,
  "tpm_overlap_csf": 0.09438700342171796,
  "tpm_overlap_gm": 0.31972565516679385,
  "tpm_overlap_wm": 0.04717893556733928,
  "wm2max": 0.7439815112024138
}