{
  "bids_meta": {
    "AcquisitionMatrixPE": 256,
    "AcquisitionNumber": 1,
    "AcquisitionTime": "14:45:9.000000",
    "BodyPartExamined": "BRAIN",
    "CoilString": "32Ch Head",
    "ConversionSoftware": "dcm2niix",
    "ConversionSoftwareVersion": "v1.0.20211006",
    "Dcm2bidsVersion": "2.1.6",
    "DeviceSerialNumber": "000301496MR3T6MR",
    "EchoTime": 0.00292,
    "FlipAngle": 8,
    "ImageOrientationPatientDICOM": [
      0,
      1,
      0,
      0,
      0,
      -1
    ],
    "ImageType": [
      "ORIGINAL",
      "PRIMARY",
      "OTHER"
    ],
    "ImagingFrequency": 127.697,
    "InPlanePhaseEncodingDirectionDICOM": "ROW",
    "InstitutionName": "NIH FMRIF",
    "InversionTime": 1.06,
    "MRAcquisitionType": "3D",
    "MagneticFieldStrength": 3,
    "Manufacturer": "GE",
    "ManufacturersModelName": "DISCOVERY MR750",
    "Modality": "MR",
    "ParallelReductionFactorInPlane": 2,
    "ParallelReductionOutOfPlane": 2,
    "PatientPosition": "HFS",
    "PercentPhaseFOV": 100,
    "PercentSampling": 100,
    "PixelBandwidth": 244.141,
    "ProcedureStepDescription": "MRI Brain",
    "ProtocolName": "ADNI3 FMRIF Enhanced Pro",
    "ReconMatrixPE": 256,
    "RepetitionTime": 0.006952,
    "SAR": 0.119971,
    "ScanOptions": "EDR_GEMS\\PROMO_GEMS\\FILTERED_GEMS\\ACC_GEMS\\IR_GEMS",
    "ScanningSequence": "RM",
    "SequenceVariant": "NONE",
    "SeriesDescription": "Anat T1w MP-RAGE 1mm (ABCD)",
    "SeriesNumber": 3,
    "SliceThickness": 1,
    "SoftwareVersions": "27\\LX\\MR Software release:DV26.0_R01_1725.a",
    "SpacingBetweenSlices": 1,
    "StationName": "fmrif3tb",
    "acq_id": "MPRAGE",
    "dataset": "ds004215",
    "modality": "T1w",
    "rec_id": "SCIC",
    "session_id": "01",
    "subject_id": "ON08792"
  },
  "cjv": 0.3155084928126411,
  "cnr": 4.157872445022565,
  "efc": 0.651344229750098,
  "fber": 14381.182622068434,
  "fwhm_avg": 3.3412466819463407,
  "fwhm_x": 3.293450045839022,
  "fwhm_y": 3.45471,
  "fwhm_z": 3.27558,
  "icvs_csf": 0.23812775097612188,
  "icvs_gm": 0.4445123266873222,
  "icvs_wm": 0.3173599223365559,
  "inu_med": 0.5048844814300537,
  "inu_range": 0.06886373758316033,
  "provenance": {
    "md5sum": "a4a55fda161c219578a0df9e14f09103",
    "settings": {
      "testing": false
    },
    "software": "mriqc",
    "version": "22.0.6",
    "warnings": {
      "large_rot_frame": true,
      "small_air_mask": false
    },
    "webapi_port": null,
    "webapi_url": "https://mriqc.nimh.nih.gov/api/v1"
  },
  "qi_1": 0.0,
  "qi_2": 0.002355867290518567,
  "rpve_csf": 27.280531588220487,
  "rpve_gm": 15.045491783152002,
  "rpve_wm": 23.95830955859362,
  "size_x": 208,
  "size_y": 256,
  "size_z": 256,
  "snr_csf": 1.5635666035985394,
  "snr_gm": 9.083666313526079,
  "snr_total": 10.266953191227636,
  "snr_wm": 20.15362665655829,
  "snrd_csf": 9.510157150229793,
  "snrd_gm": 35.41410971484632,
  "snrd_total": 33.45441480167599,
  "snrd_wm": 55.43897753995185,
  "spacing_x": 1.0002975463867188,
  "spacing_y": 1.0,
  "spacing_z": 1.0,
  "summary_bg_k": 5.186642858479958,
  "summary_bg_mad": 0.0,
  "summary_bg_mean": 6.834950897490876,
  "summary_bg_median": 0.0,
  "summary_bg_n": 889398.0,
  "summary_bg_p05": 0.0,
  "summary_bg_p95": 34.11126408353448,
  "summary_bg_stdv": 11.817252607219523,
  "summary_csf_k": 0.9269903547582916,
  "summary_csf_mad": 86.32893189762791,
  "summary_csf_mean": 201.94367759249232,
  "summary_csf_median": 171.54279533028603,
  "summary_csf_n": 33254.0,
  "summary_csf_p05": 74.7384545635432,
  "summary_csf_p95": 430.50154584450644,
  "summary_csf_stdv": 109.71084674965451,
  "summary_gm_k": 0.3867574380130545,
  "summary_gm_mad": 66.96938988046035,
  "summary_gm_mean": 638.1798372050503,
  "summary_gm_median": 638.7944256495684,
  "summary_gm_n": 27360.0,
  "summary_gm_p05": 520.4433960020542,
  "summary_gm_p95": 752.368839930743,
  "summary_gm_stdv": 70.32212871106645,
  "summary_wm_k": 0.5140724797952791,
  "summary_wm_mad": 46.99403738163338,
  "summary_wm_mean": 999.131505795698,
  "summary_wm_median": 1000.0000028628856,
  "summary_wm_n": 155755.0,
  "summary_wm_p05": 916.461153684184,
  "summary_wm_p95": 1078.5805176123977,
  "summary_wm_stdv": 49.61870187083633,
  "tpm_overlap_csf": 0.1434152944303658,
  "tpm_overlap_gm": 0.46295772490802395,
  "tpm_overlap_wm": 0.48644710975556027,
  "wm2max": 0.6564587593728698
}