{
  "bids_meta": {
    "AcquisitionMatrixPE": 256,
    "AcquisitionNumber": 1,
    "AcquisitionTime": "14:51:44.000000",
    "BodyPartExamined": "BRAIN",
    "CoilString": "32Ch Head",
    "ConversionSoftware": "dcm2niix",
    "ConversionSoftwareVersion": "v1.0.20211006",
    "Dcm2bidsVersion": "2.1.6",
    "DeviceSerialNumber": "000301496MR3T6MR",
    "EchoTime": 0.066361,
    "EchoTrainLength": 140,
    "FlipAngle": 90,
    "ImageOrientationPatientDICOM": [
      0,
      1,
      0,
      0,
      0,
      -1
    ],
    "ImageType": [
      "ORIGINAL",
      "PRIMARY",
      "OTHER"
    ],
    "ImagingFrequency": 127.697,
    "InPlanePhaseEncodingDirectionDICOM": "ROW",
    "InstitutionName": "NIH FMRIF",
    "MRAcquisitionType": "3D",
    "MagneticFieldStrength": 3,
    "Manufacturer": "GE",
    "ManufacturersModelName": "DISCOVERY MR750",
    "Modality": "MR",
    "ParallelReductionFactorInPlane": 2,
    "ParallelReductionOutOfPlane": 1.5,
    "PatientPosition": "HFS",
    "PercentPhaseFOV": 100,
    "PercentSampling": 100,
    "PhaseEncodingAxis": "i",
    "PixelBandwidth": 244.141,
    "ProcedureStepDescription": "MRI Brain",
    "ProtocolName": "ADNI3 FMRIF Enhanced Pro",
    "ReconMatrixPE": 256,
    "RepetitionTime": 3.202,
    "SAR": 0.4599,
    "ScanOptions": "SAT_GEMS\\EDR_GEMS\\PROMO_GEMS\\FILTERED_GEMS\\ACC_GEMS\\FS\\FR_GEMS",
    "ScanningSequence": "RM",
    "SequenceVariant": "NONE",
    "SeriesDescription": "Anat T2w CUBE (ABCD)",
    "SeriesNumber": 4,
    "SliceThickness": 1,
    "SoftwareVersions": "27\\LX\\MR Software release:DV26.0_R01_1725.a",
    "SpacingBetweenSlices": 1,
    "StationName": "fmrif3tb",
    "acq_id": "CUBE",
    "dataset": "ds004215",
    "modality": "T2w",
    "rec_id": "SCIC",
    "session_id": "01",
    "subject_id": "ON08792"
  },
  "cjv": 1.2245533277112355,
  "cnr": 0.8983169857358387,
  "efc": 0.4395267341722558,
  "fber": 9992.119779659784,
  "fwhm_avg": 2.1955,
  "fwhm_x": 1.80932,
  "fwhm_y": 2.47439,
  "fwhm_z": 2.30279,
  "icvs_csf": 0.24613325314473694,
  "icvs_gm": 0.536326609526569,
  "icvs_wm": 0.21754013732869404,
  "inu_med": 0.802354484796524,
  "inu_range": 0.13664598464965816,
  "provenance": {
    "md5sum": "efa6b0bdb1870d31c5e988a4625b758d",
    "settings": {
      "testing": false
    },
    "software": "mriqc",
    "version": "22.0.6",
    "warnings": {
      "large_rot_frame": true,
      "small_air_mask": false
    },
    "webapi_port": null,
    "webapi_url": "https://mriqc.nimh.nih.gov/api/v1"
  },
  "qi_1": 0.0,
  "qi_2": 0.025548517028564702,
  "rpve_csf": 22.983969007210128,
  "rpve_gm": 13.803987528545658,
  "rpve_wm": 35.32957973267513,
  "size_x": 204,
  "size_y": 256,
  "size_z": 256,
  "snr_csf": 11.116422415908161,
  "snr_gm": 11.936479724036904,
  "snr_total": 8.271749883482798,
  "snr_wm": 1.762347510503327,
  "snrd_csf": 71.0852906105411,
  "snrd_gm": 50.10395556702755,
  "snrd_total": 74.55480310220749,
  "snrd_wm": 102.4751631290538,
  "spacing_x": 1.0,
  "spacing_y": 1.0,
  "spacing_z": 1.0,
  "summary_bg_k": 199.1242972052089,
  "summary_bg_mad": 6.394567500128895,
  "summary_bg_mean": 2.860921820303921,
  "summary_bg_median": 4.313070235773921,
  "summary_bg_n": 2817909.0,
  "summary_bg_p05": 0.0,
  "summary_bg_p95": 9.28100453875959,
  "summary_bg_stdv": 4.106340952846126,
  "summary_csf_k": 0.7062977121779062,
  "summary_csf_mad": 57.45066926817373,
  "summary_csf_mean": 697.1661397385095,
  "summary_csf_median": 693.8397699706256,
  "summary_csf_n": 9421.0,
  "summary_csf_p05": 601.4136104155332,
  "summary_csf_p95": 805.5279657095671,
  "summary_csf_stdv": 62.41243081014966,
  "summary_gm_k": 0.2496989922974584,
  "summary_gm_mad": 40.4431284824906,
  "summary_gm_mean": 489.3398035047152,
  "summary_gm_median": 489.047969089821,
  "summary_gm_n": 191807.0,
  "summary_gm_p05": 423.01960589922965,
  "summary_gm_p95": 556.8828538451344,
  "summary_gm_stdv": 40.97076404020909,
  "summary_wm_k": -1.7262389851076012,
  "summary_wm_mad": 585.5214188992369,
  "summary_wm_mean": 784.270955339657,
  "summary_wm_median": 1000.2258273474872,
  "summary_wm_n": 53295.0,
  "summary_wm_p05": 24.63643783889711,
  "summary_wm_p95": 1408.1383966617286,
  "summary_wm_stdv": 567.5477949045498,
  "tpm_overlap_csf": 0.10156676949827317,
  "tpm_overlap_gm": 0.3458926261547635,
  "tpm_overlap_wm": 0.05027820213297127,
  "wm2max": 0.711504481639734
}