{
  "aor": 0.035051111111111116,
  "aqi": 0.0010006098888888889,
  "bids_meta": {
    "AcquisitionMatrixPE": 64,
    "AcquisitionNumber": 1,
    "AcquisitionTime": "11:54:0.000000",
    "BodyPartExamined": "BRAIN",
    "CoilString": "32Ch Head",
    "ConversionSoftware": "dcm2niix",
    "ConversionSoftwareVersion": "v1.0.20211006",
    "Dcm2bidsVersion": "2.1.6",
    "DeviceSerialNumber": "000301496mr3T5mr",
    "EchoTime": 0.0169,
    "EffectiveEchoSpacing": 0.000416,
    "FlipAngle": 90,
    "ImageOrientationPatientDICOM": [
      1,
      0,
      0,
      0,
      1,
      0
    ],
    "ImageType": [
      "ORIGINAL",
      "PRIMARY",
      "OTHER"
    ],
    "ImagingFrequency": 127.824,
    "InPlanePhaseEncodingDirectionDICOM": "COL",
    "InstitutionName": "NIH FMRIF",
    "InternalPulseSequenceName": "EPI",
    "MRAcquisitionType": "2D",
    "MagneticFieldStrength": 3,
    "Manufacturer": "GE",
    "ManufacturersModelName": "DISCOVERY MR750",
    "Modality": "MR",
    "PatientPosition": "HFS",
    "PercentPhaseFOV": 100,
    "PercentSampling": 100,
    "PhaseEncodingDirection": "j-",
    "PhaseEncodingPolarityGE": "Unflipped",
    "PixelBandwidth": 7812.5,
    "ProcedureStepDescription": "MRI Brain",
    "ProtocolName": "ADNI3 FMRIF Enhanced Pro",
    "PulseSequenceName": "epi",
    "ReconMatrixPE": 64,
    "RepetitionTime": 3,
    "SAR": 0.15025,
    "ScanOptions": "MP_GEMS\\EPI_GEMS\\PFF",
    "ScanningSequence": "EP\\GR",
    "SequenceVariant": "SS",
    "SeriesDescription": "Axial rsfMRI reverse blip - RKV",
    "SeriesNumber": 11,
    "SliceThickness": 3.4,
    "SliceTiming": [
      0,
      1.5,
      0.0625,
      1.5625,
      0.125,
      1.625,
      0.1875,
      1.6875,
      0.25,
      1.75,
      0.3125,
      1.8125,
      0.375,
      1.875,
      0.4375,
      1.9375,
      0.5,
      2,
      0.5625,
      2.0625,
      0.625,
      2.125,
      0.6875,
      2.1875,
      0.75,
      2.25,
      0.8125,
      2.3125,
      0.875,
      2.375,
      0.9375,
      2.4375,
      1,
      2.5,
      1.0625,
      2.5625,
      1.125,
      2.625,
      1.1875,
      2.6875,
      1.25,
      2.75,
      1.3125,
      2.8125,
      1.375,
      2.875,
      1.4375,
      2.9375
    ],
    "SoftwareVersions": "27\\LX\\MR Software release:DV26.0_R03_1831.b",
    "SpacingBetweenSlices": 3.4,
    "StationName": "FMRI3ta",
    "TaskName": "Resting state with reverse blip.",
    "TotalReadoutTime": 0.026208,
    "TriggerDelayTime": 29938,
    "dataset": "ds004215",
    "modality": "bold",
    "session_id": "01",
    "subject_id": "ON63704",
    "task_id": "rest"
  },
  "dummy_trs": 1,
  "dvars_nstd": 14.328416825,
  "dvars_std": 1.4232874050000002,
  "dvars_vstd": 1.4196163712499998,
  "efc": 0.46585656635899514,
  "fber": 5053.12255859375,
  "fd_mean": 0.09827358350938446,
  "fd_num": 0,
  "fd_perc": 0.0,
  "fwhm_avg": 2.7216540681157753,
  "fwhm_x": 2.6783738181818184,
  "fwhm_y": 2.653204363636364,
  "fwhm_z": 2.833384022529143,
  "gcor": 0.0430949,
  "gsr_x": -0.023051057010889053,
  "gsr_y": 0.06430671364068985,
  "provenance": {
    "md5sum": "84236ee8d665942b59e420618cfba12b",
    "settings": {
      "fd_thres": 0.2,
      "testing": false
    },
    "software": "mriqc",
    "version": "22.0.6",
    "webapi_port": null,
    "webapi_url": "https://mriqc.nimh.nih.gov/api/v1"
  },
  "size_t": 9,
  "size_x": 64,
  "size_y": 64,
  "size_z": 48,
  "snr": 4.403056662020033,
  "spacing_tr": 3.0,
  "spacing_x": 3.4375,
  "spacing_y": 3.4375,
  "spacing_z": 3.4000015258789062,
  "summary_bg_k": 25.78166045069783,
  "summary_bg_mad": 9.719278068159708,
  "summary_bg_mean": 133.15463256835938,
  "summary_bg_median": 33.33333206176758,
  "summary_bg_n": 133582.0,
  "summary_bg_p05": 23.22222328186035,
  "summary_bg_p95": 709.3333129882812,
  "summary_bg_stdv": 263.72601318359375,
  "summary_fg_k": 1.7434533943112323,
  "summary_fg_mad": 463.3953589821219,
  "summary_fg_mean": 2458.193359375,
  "summary_fg_median": 2368.0,
  "summary_fg_n": 26925.0,
  "summary_fg_p05": 1725.800048828125,
  "summary_fg_p95": 3476.7111816406245,
  "summary_fg_stdv": 537.7982177734375,
  "tsnr": 183.56602227687836
}