{
  "bids_meta": {
    "AcquisitionMatrixPE": 256,
    "AcquisitionNumber": 1,
    "AcquisitionTime": "14:16:55.000000",
    "BodyPartExamined": "BRAIN",
    "CoilString": "32Ch Head",
    "ConversionSoftware": "dcm2niix",
    "ConversionSoftwareVersion": "v1.0.20211006",
    "Dcm2bidsVersion": "2.1.6",
    "DeviceSerialNumber": "000301496MR3T6MR",
    "EchoTime": 0.058864,
    "EchoTrainLength": 140,
    "FlipAngle": 90,
    "ImageOrientationPatientDICOM": [
      0,
      1,
      0,
      0,
      0,
      -1
    ],
    "ImageType": [
      "ORIGINAL",
      "PRIMARY",
      "OTHER"
    ],
    "ImagingFrequency": 127.697,
    "InPlanePhaseEncodingDirectionDICOM": "ROW",
    "InstitutionName": "NIH FMRIF",
    "MRAcquisitionType": "3D",
    "MagneticFieldStrength": 3,
    "Manufacturer": "GE",
    "ManufacturersModelName": "DISCOVERY MR750",
    "Modality": "MR",
    "ParallelReductionFactorInPlane": 2,
    "ParallelReductionOutOfPlane": 1.5,
    "PatientPosition": "HFS",
    "PercentPhaseFOV": 100,
    "PercentSampling": 100,
    "PhaseEncodingAxis": "i",
    "PixelBandwidth": 244.141,
    "ProcedureStepDescription": "MRI Brain",
    "ProtocolName": "ADNI3 FMRIF Enhanced Pro",
    "ReconMatrixPE": 256,
    "RepetitionTime": 3.202,
    "SAR": 0.3892,
    "ScanOptions": "SAT_GEMS\\EDR_GEMS\\PROMO_GEMS\\ACC_GEMS\\FS\\FR_GEMS",
    "ScanningSequence": "RM",
    "SequenceVariant": "NONE",
    "SeriesDescription": "ORIG Anat T2w CUBE (ABCD)",
    "SeriesNumber": 40004,
    "SliceThickness": 1,
    "SoftwareVersions": "27\\LX\\MR Software release:DV26.0_R03_1831.b",
    "SpacingBetweenSlices": 1,
    "StationName": "FMRI3tb",
    "acq_id": "CUBE",
    "dataset": "ds004215",
    "modality": "T2w",
    "session_id": "01",
    "subject_id": "ON34766"
  },
  "cjv": 0.518781081206659,
  "cnr": 0.6119979916987041,
  "efc": 0.41468096038900926,
  "fber": 6077.255924032141,
  "fwhm_avg": 2.4489900000000002,
  "fwhm_x": 2.00768,
  "fwhm_y": 2.71022,
  "fwhm_z": 2.62907,
  "icvs_csf": 0.18825203991430822,
  "icvs_gm": 0.6749241638042349,
  "icvs_wm": 0.13682379628145686,
  "inu_med": 0.8693006038665771,
  "inu_range": 0.5007349878549576,
  "provenance": {
    "md5sum": "95bac61dd237e8427047a5fc6bfe7940",
    "settings": {
      "testing": false
    },
    "software": "mriqc",
    "version": "22.0.6",
    "warnings": {
      "large_rot_frame": true,
      "small_air_mask": false
    },
    "webapi_port": null,
    "webapi_url": "https://mriqc.nimh.nih.gov/api/v1"
  },
  "qi_1": 0.00036429262717753186,
  "qi_2": 0.016120528719725514,
  "rpve_csf": 25.903193193994195,
  "rpve_gm": 10.681152610943437,
  "rpve_wm": 47.79838605690708,
  "size_x": 204,
  "size_y": 256,
  "size_z": 256,
  "snr_csf": 7.584206706953825,
  "snr_gm": 10.794257812251137,
  "snr_total": 6.2003152667129795,
  "snr_wm": 0.22248128093397385,
  "snrd_csf": 79.49863641702446,
  "snrd_gm": 35.87310158188745,
  "snrd_total": 41.638068924711405,
  "snrd_wm": 9.542468775222305,
  "spacing_x": 1.0,
  "spacing_y": 1.0,
  "spacing_z": 1.0,
  "summary_bg_k": 91.48204175358026,
  "summary_bg_mad": 0.0,
  "summary_bg_mean": 49.05434774904339,
  "summary_bg_median": 0.0,
  "summary_bg_n": 4043664.0,
  "summary_bg_p05": 0.0,
  "summary_bg_p95": 166.82027769088745,
  "summary_bg_stdv": 68.81300332648729,
  "summary_csf_k": 8.535859828336811,
  "summary_csf_mad": 307.7936885779054,
  "summary_csf_mean": 8032.023438729419,
  "summary_csf_median": 8350.230474472046,
  "summary_csf_n": 11012.0,
  "summary_csf_p05": 5584.884832572937,
  "summary_csf_p95": 8880.748911446333,
  "summary_csf_stdv": 1100.9524985503742,
  "summary_gm_k": 0.13164706351638822,
  "summary_gm_mad": 345.0295510140782,
  "summary_gm_mean": 3786.4221515151908,
  "summary_gm_median": 3767.972377181053,
  "summary_gm_n": 404443.0,
  "summary_gm_p05": 3244.7004840373993,
  "summary_gm_p95": 4391.013856291771,
  "summary_gm_stdv": 349.0714956499747,
  "summary_wm_k": -0.9992208428316203,
  "summary_wm_mad": 1089.746799737534,
  "summary_wm_mean": 3731.9809857517143,
  "summary_wm_median": 1002.3041546344757,
  "summary_wm_n": 35334.0,
  "summary_wm_p05": 187.55760502815247,
  "summary_wm_p95": 11725.887180644273,
  "summary_wm_stdv": 4505.053041068319,
  "tpm_overlap_csf": 0.13240596163680235,
  "tpm_overlap_gm": 0.4137061414426183,
  "tpm_overlap_wm": 0.03118742995289991,
  "wm2max": 0.08446550442390979
}