{
  "bids_meta": {
    "AcquisitionMatrixPE": 256,
    "AcquisitionNumber": 1,
    "AcquisitionTime": "14:16:55.000000",
    "BodyPartExamined": "BRAIN",
    "CoilString": "32Ch Head",
    "ConversionSoftware": "dcm2niix",
    "ConversionSoftwareVersion": "v1.0.20211006",
    "Dcm2bidsVersion": "2.1.6",
    "DeviceSerialNumber": "000301496MR3T6MR",
    "EchoTime": 0.058864,
    "EchoTrainLength": 140,
    "FlipAngle": 90,
    "ImageOrientationPatientDICOM": [
      0,
      1,
      0,
      0,
      0,
      -1
    ],
    "ImageType": [
      "ORIGINAL",
      "PRIMARY",
      "OTHER"
    ],
    "ImagingFrequency": 127.697,
    "InPlanePhaseEncodingDirectionDICOM": "ROW",
    "InstitutionName": "NIH FMRIF",
    "MRAcquisitionType": "3D",
    "MagneticFieldStrength": 3,
    "Manufacturer": "GE",
    "ManufacturersModelName": "DISCOVERY MR750",
    "Modality": "MR",
    "ParallelReductionFactorInPlane": 2,
    "ParallelReductionOutOfPlane": 1.5,
    "PatientPosition": "HFS",
    "PercentPhaseFOV": 100,
    "PercentSampling": 100,
    "PhaseEncodingAxis": "i",
    "PixelBandwidth": 244.141,
    "ProcedureStepDescription": "MRI Brain",
    "ProtocolName": "ADNI3 FMRIF Enhanced Pro",
    "ReconMatrixPE": 256,
    "RepetitionTime": 3.202,
    "SAR": 0.3892,
    "ScanOptions": "SAT_GEMS\\EDR_GEMS\\PROMO_GEMS\\FILTERED_GEMS\\ACC_GEMS\\FS\\FR_GEMS",
    "ScanningSequence": "RM",
    "SequenceVariant": "NONE",
    "SeriesDescription": "Anat T2w CUBE (ABCD)",
    "SeriesNumber": 4,
    "SliceThickness": 1,
    "SoftwareVersions": "27\\LX\\MR Software release:DV26.0_R03_1831.b",
    "SpacingBetweenSlices": 1,
    "StationName": "FMRI3tb",
    "acq_id": "CUBE",
    "dataset": "ds004215",
    "modality": "T2w",
    "rec_id": "SCIC",
    "session_id": "01",
    "subject_id": "ON34766"
  },
  "cjv": 0.22431436815119574,
  "cnr": 4.688025555648682,
  "efc": 0.4508532153911586,
  "fber": 3420.8233194527065,
  "fwhm_avg": 2.2711400000000004,
  "fwhm_x": 1.82914,
  "fwhm_y": 2.6187,
  "fwhm_z": 2.36558,
  "icvs_csf": 0.22142937565930002,
  "icvs_gm": 0.6941744218611708,
  "icvs_wm": 0.08439620247952917,
  "inu_med": 0.7154911160469055,
  "inu_range": 0.11669892072677612,
  "provenance": {
    "md5sum": "08b1a1a02ea2d76b4d0fff56bfb6d0c6",
    "settings": {
      "testing": false
    },
    "software": "mriqc",
    "version": "22.0.6",
    "warnings": {
      "large_rot_frame": true,
      "small_air_mask": false
    },
    "webapi_port": null,
    "webapi_url": "https://mriqc.nimh.nih.gov/api/v1"
  },
  "qi_1": 0.0,
  "qi_2": 0.007612486044679641,
  "rpve_csf": 24.086151625700797,
  "rpve_gm": 10.606338863506293,
  "rpve_wm": 77.02681884011979,
  "size_x": 204,
  "size_y": 256,
  "size_z": 256,
  "snr_csf": 6.752592944462012,
  "snr_gm": 10.881903634671088,
  "snr_total": 6.172632658736259,
  "snr_wm": 0.8834013970756781,
  "snrd_csf": 127.51867198196344,
  "snrd_gm": 50.436455492147964,
  "snrd_total": 61.66363628027555,
  "snrd_wm": 7.03578136671527,
  "spacing_x": 1.0,
  "spacing_y": 1.0,
  "spacing_z": 1.0,
  "summary_bg_k": 270.5799311836687,
  "summary_bg_mad": 93.26669389859924,
  "summary_bg_mean": 73.20249344621438,
  "summary_bg_median": 62.907429069280624,
  "summary_bg_n": 3186705.0,
  "summary_bg_p05": 0.0,
  "summary_bg_p95": 202.73793202638626,
  "summary_bg_stdv": 126.92532159889839,
  "summary_csf_k": 6.068225570259159,
  "summary_csf_mad": 962.1450132233736,
  "summary_csf_mean": 17099.769430914024,
  "summary_csf_median": 18153.845437526703,
  "summary_csf_n": 35930.0,
  "summary_csf_p05": 11227.802686044573,
  "summary_csf_p95": 19322.864296223222,
  "summary_csf_stdv": 2688.3884393911135,
  "summary_gm_k": 0.28907576263655743,
  "summary_gm_mad": 633.0537254257255,
  "summary_gm_mean": 7236.344435196083,
  "summary_gm_median": 7180.247435063124,
  "summary_gm_n": 432146.0,
  "summary_gm_p05": 6240.547341763973,
  "summary_gm_p95": 8424.70631685853,
  "summary_gm_stdv": 659.8330005898327,
  "summary_wm_k": 3.5181494837845317,
  "summary_wm_mad": 752.8990108498323,
  "summary_wm_mean": 1413.7114611065367,
  "summary_wm_median": 1001.6296866834164,
  "summary_wm_n": 23208.0,
  "summary_wm_p05": 330.8344067633152,
  "summary_wm_p95": 3778.031141668558,
  "summary_wm_stdv": 1133.8086065530963,
  "tpm_overlap_csf": 0.16085664809032713,
  "tpm_overlap_gm": 0.41919842950932135,
  "tpm_overlap_wm": 0.014760983479509809,
  "wm2max": 0.052331323864990974
}