{
  "bids_meta": {
    "AcquisitionMatrixPE": 256,
    "AcquisitionNumber": 1,
    "AcquisitionTime": "14:16:16.000000",
    "BodyPartExamined": "BRAIN",
    "CoilString": "32Ch Head",
    "ConversionSoftware": "dcm2niix",
    "ConversionSoftwareVersion": "v1.0.20211006",
    "Dcm2bidsVersion": "2.1.6",
    "DeviceSerialNumber": "000301496MR3T6MR",
    "EchoTime": 0.003036,
    "FlipAngle": 11,
    "ImageOrientationPatientDICOM": [
      0,
      1,
      0,
      0,
      0,
      -1
    ],
    "ImageType": [
      "ORIGINAL",
      "PRIMARY",
      "OTHER"
    ],
    "ImagingFrequency": 127.697,
    "InPlanePhaseEncodingDirectionDICOM": "ROW",
    "InstitutionName": "NIH FMRIF",
    "InversionTime": 0.4,
    "MRAcquisitionType": "3D",
    "MagneticFieldStrength": 3,
    "Manufacturer": "GE",
    "ManufacturersModelName": "DISCOVERY MR750",
    "Modality": "MR",
    "ParallelReductionFactorInPlane": 1.72974,
    "PatientPosition": "HFS",
    "PercentPhaseFOV": 100,
    "PercentSampling": 100,
    "PixelBandwidth": 244.141,
    "ProcedureStepDescription": "MRI Brain",
    "ProtocolName": "ADNI3 FMRIF Enhanced Pro",
    "ReconMatrixPE": 256,
    "RepetitionTime": 0.007348,
    "SAR": 0.205451,
    "ScanOptions": "FAST_GEMS\\EDR_GEMS\\FILTERED_GEMS\\ACC_GEMS\\IR_GEMS",
    "ScanningSequence": "GR",
    "SequenceVariant": "SS\\SP\\SK",
    "SeriesDescription": "Accelerated Sagittal IR-FSPGR",
    "SeriesNumber": 3,
    "SliceThickness": 1.2,
    "SoftwareVersions": "27\\LX\\MR Software release:DV26.0_R01_1725.a",
    "SpacingBetweenSlices": 1.2,
    "SpoilingState": true,
    "StationName": "fmrif3tb",
    "acq_id": "FSPGR",
    "dataset": "ds004215",
    "modality": "T1w",
    "rec_id": "SCIC",
    "session_id": "01",
    "subject_id": "ON98018"
  },
  "cjv": 0.32570620665131805,
  "cnr": 4.076901495367077,
  "efc": 0.5773807655656775,
  "fber": -1.0,
  "fwhm_avg": 3.6543253587022306,
  "fwhm_x": 3.3847454215542285,
  "fwhm_y": 3.95884131297722,
  "fwhm_z": 3.6193893415752423,
  "icvs_csf": 0.22764839696033806,
  "icvs_gm": 0.43672693078943975,
  "icvs_wm": 0.33562467225022213,
  "inu_med": 0.5032708644866943,
  "inu_range": 0.10015994310379028,
  "provenance": {
    "md5sum": "bd7d51d5ecf213c74051a0777291fa46",
    "settings": {
      "testing": false
    },
    "software": "mriqc",
    "version": "22.0.6",
    "warnings": {
      "large_rot_frame": true,
      "small_air_mask": false
    },
    "webapi_port": null,
    "webapi_url": "https://mriqc.nimh.nih.gov/api/v1"
  },
  "qi_1": 0.0,
  "qi_2": 0.005958793229751526,
  "rpve_csf": 30.65801902081918,
  "rpve_gm": 16.821529212601238,
  "rpve_wm": 25.93910000202885,
  "size_x": 196,
  "size_y": 256,
  "size_z": 256,
  "snr_csf": 1.686217038983378,
  "snr_gm": 9.699745582101977,
  "snr_total": 12.21451492438458,
  "snr_wm": 25.257582152068384,
  "snrd_csf": 15.391905347489248,
  "snrd_gm": 51.97125161262689,
  "snrd_total": 48.20970251354037,
  "snrd_wm": 77.26595058050498,
  "spacing_x": 1.2000045776367188,
  "spacing_y": 1.0547000169754028,
  "spacing_z": 1.0547000169754028,
  "summary_bg_k": 15.589127388191613,
  "summary_bg_mad": 0.0,
  "summary_bg_mean": 4.567675299130052,
  "summary_bg_median": 0.0,
  "summary_bg_n": 1062355.0,
  "summary_bg_p05": 0.0,
  "summary_bg_p95": 22.384074840694666,
  "summary_bg_stdv": 8.478979048583057,
  "summary_csf_k": 32.51508957059866,
  "summary_csf_mad": 89.21393439594334,
  "summary_csf_mean": 221.57185978856515,
  "summary_csf_median": 199.20682618021965,
  "summary_csf_n": 23389.0,
  "summary_csf_p05": 90.60402354598045,
  "summary_csf_p95": 421.9035843908784,
  "summary_csf_stdv": 118.1357814393799,
  "summary_gm_k": 0.08232530406170468,
  "summary_gm_mad": 68.63480123997162,
  "summary_gm_mean": 669.4474749975794,
  "summary_gm_median": 672.6281024105847,
  "summary_gm_n": 27597.0,
  "summary_gm_p05": 551.2431159831583,
  "summary_gm_p95": 778.3404231488704,
  "summary_gm_stdv": 69.34366576840497,
  "summary_wm_k": 0.3750025176881078,
  "summary_wm_mad": 37.99224582640933,
  "summary_wm_mean": 1000.3838710782034,
  "summary_wm_median": 999.999963581562,
  "summary_wm_n": 153409.0,
  "summary_wm_p05": 936.1653106287122,
  "summary_wm_p95": 1066.2751289531589,
  "summary_wm_stdv": 39.59194107711879,
  "tpm_overlap_csf": 0.15899851537456097,
  "tpm_overlap_gm": 0.4696264263024958,
  "tpm_overlap_wm": 0.5146812231735236,
  "wm2max": 0.45961481407740257
}