{
  "bids_meta": {
    "AcquisitionMatrixPE": 256,
    "AcquisitionNumber": 1,
    "AcquisitionTime": "14:22:16.000000",
    "BodyPartExamined": "BRAIN",
    "CoilString": "32Ch Head",
    "ConversionSoftware": "dcm2niix",
    "ConversionSoftwareVersion": "v1.0.20211006",
    "Dcm2bidsVersion": "2.1.6",
    "DeviceSerialNumber": "000301496MR3T6MR",
    "EchoTime": 0.058743,
    "EchoTrainLength": 140,
    "FlipAngle": 90,
    "ImageOrientationPatientDICOM": [
      0,
      1,
      0,
      0,
      0,
      -1
    ],
    "ImageType": [
      "ORIGINAL",
      "PRIMARY",
      "OTHER"
    ],
    "ImagingFrequency": 127.697,
    "InPlanePhaseEncodingDirectionDICOM": "ROW",
    "InstitutionName": "NIH FMRIF",
    "MRAcquisitionType": "3D",
    "MagneticFieldStrength": 3,
    "Manufacturer": "GE",
    "ManufacturersModelName": "DISCOVERY MR750",
    "Modality": "MR",
    "ParallelReductionFactorInPlane": 2,
    "ParallelReductionOutOfPlane": 1.5,
    "PatientPosition": "HFS",
    "PercentPhaseFOV": 100,
    "PercentSampling": 100,
    "PhaseEncodingAxis": "i",
    "PixelBandwidth": 244.141,
    "ProcedureStepDescription": "MRI Brain",
    "ProtocolName": "ADNI3 FMRIF Enhanced Pro",
    "ReconMatrixPE": 256,
    "RepetitionTime": 3.202,
    "SAR": 0.3954,
    "ScanOptions": "SAT_GEMS\\EDR_GEMS\\PROMO_GEMS\\ACC_GEMS\\FS\\FR_GEMS",
    "ScanningSequence": "RM",
    "SequenceVariant": "NONE",
    "SeriesDescription": "Sag_CUBE_T2",
    "SeriesNumber": 4,
    "SliceThickness": 1,
    "SoftwareVersions": "27\\LX\\MR Software release:DV26.0_R01_1725.a",
    "SpacingBetweenSlices": 1,
    "StationName": "fmrif3tb",
    "acq_id": "CUBE",
    "dataset": "ds004215",
    "modality": "T2w",
    "session_id": "01",
    "subject_id": "ON98018"
  },
  "cjv": 0.7538168489883175,
  "cnr": 1.1488805968866747,
  "efc": 0.42355258366501436,
  "fber": 9362.32809419788,
  "fwhm_avg": 2.3679333333333332,
  "fwhm_x": 1.97395,
  "fwhm_y": 2.62131,
  "fwhm_z": 2.50854,
  "icvs_csf": 0.2921889262579698,
  "icvs_gm": 0.2210727875574154,
  "icvs_wm": 0.48673828618461473,
  "inu_med": 0.8738889396190643,
  "inu_range": 0.5755117356777192,
  "provenance": {
    "md5sum": "1a66fb37f172dfc01e59393364bafecd",
    "settings": {
      "testing": false
    },
    "software": "mriqc",
    "version": "22.0.6",
    "warnings": {
      "large_rot_frame": true,
      "small_air_mask": false
    },
    "webapi_port": null,
    "webapi_url": "https://mriqc.nimh.nih.gov/api/v1"
  },
  "qi_1": 0.0052207642034177715,
  "qi_2": 0.009093526782350687,
  "rpve_csf": 18.30448492566651,
  "rpve_gm": 30.33131059401187,
  "rpve_wm": 13.21558578795394,
  "size_x": 204,
  "size_y": 256,
  "size_z": 256,
  "snr_csf": 11.853459562397367,
  "snr_gm": 2.0476556512229753,
  "snr_total": 8.888685510980087,
  "snr_wm": 12.76494131931992,
  "snrd_csf": 55.37628775247946,
  "snrd_gm": 89.73255366925062,
  "snrd_total": 61.45532016515474,
  "snrd_wm": 39.25711907373411,
  "spacing_x": 1.0,
  "spacing_y": 1.0,
  "spacing_z": 1.0,
  "summary_bg_k": 181.31792341640772,
  "summary_bg_mad": 0.0,
  "summary_bg_mean": 10.79473334543702,
  "summary_bg_median": 0.0,
  "summary_bg_n": 4065504.0,
  "summary_bg_p05": 0.0,
  "summary_bg_p95": 37.50889600068331,
  "summary_bg_stdv": 16.688346000587355,
  "summary_csf_k": 0.5171623549982396,
  "summary_csf_mad": 113.01544073327307,
  "summary_csf_mean": 1416.6455142976897,
  "summary_csf_median": 1410.6049522534013,
  "summary_csf_n": 22567.0,
  "summary_csf_p05": 1231.6725717112422,
  "summary_csf_p95": 1621.451922865212,
  "summary_csf_stdv": 119.00101322923472,
  "summary_gm_k": -1.096829610528753,
  "summary_gm_mad": 890.8275916622702,
  "summary_gm_mean": 1891.745118841269,
  "summary_gm_median": 2285.76507601887,
  "summary_gm_n": 70673.0,
  "summary_gm_p05": 108.86832509040835,
  "summary_gm_p95": 3485.4803530350327,
  "summary_gm_stdv": 1116.276021888596,
  "summary_wm_k": 0.06335254223389519,
  "summary_wm_mad": 78.40380248816237,
  "summary_wm_mean": 1000.7334088046305,
  "summary_wm_median": 999.9999787658453,
  "summary_wm_n": 208279.0,
  "summary_wm_p05": 873.1672412455082,
  "summary_wm_p95": 1129.4661681875587,
  "summary_wm_stdv": 78.33937917312795,
  "tpm_overlap_csf": 0.09796899238250538,
  "tpm_overlap_gm": 0.12989707028619155,
  "tpm_overlap_wm": 0.46970836475604305,
  "wm2max": 0.2902892561983471
}