{
  "aor": 0.00173286432160804,
  "aqi": 0.0015855165879396988,
  "bids_meta": {
    "AcquisitionMatrixPE": 64,
    "AcquisitionNumber": 1,
    "AcquisitionTime": "16:38:13.000000",
    "BodyPartExamined": "BRAIN",
    "CoilString": "32Ch Head",
    "ConversionSoftware": "dcm2niix",
    "ConversionSoftwareVersion": "v1.0.20211006",
    "Dcm2bidsVersion": "2.1.6",
    "DeviceSerialNumber": "000301496MR3T6MR",
    "EchoTime": 0.0169,
    "EffectiveEchoSpacing": 0.000416,
    "FlipAngle": 90,
    "ImageOrientationPatientDICOM": [
      1,
      0,
      0,
      0,
      1,
      0
    ],
    "ImageType": [
      "ORIGINAL",
      "PRIMARY",
      "OTHER"
    ],
    "ImagingFrequency": 127.697,
    "InPlanePhaseEncodingDirectionDICOM": "COL",
    "InstitutionName": "NIH FMRIF",
    "InternalPulseSequenceName": "EPI",
    "MRAcquisitionType": "2D",
    "MagneticFieldStrength": 3,
    "Manufacturer": "GE",
    "ManufacturersModelName": "DISCOVERY MR750",
    "Modality": "MR",
    "PatientPosition": "HFS",
    "PercentPhaseFOV": 100,
    "PercentSampling": 100,
    "PhaseEncodingDirection": "j",
    "PhaseEncodingPolarityGE": "Flipped",
    "PixelBandwidth": 7812.5,
    "ProcedureStepDescription": "MRI Brain",
    "ProtocolName": "ADNI3 FMRIF Enhanced Pro",
    "PulseSequenceName": "epi",
    "ReconMatrixPE": 64,
    "RepetitionTime": 3,
    "SAR": 0.198809,
    "ScanOptions": "MP_GEMS\\EPI_GEMS\\PFF",
    "ScanningSequence": "EP\\GR",
    "SequenceVariant": "SS",
    "SeriesDescription": "Axial rsfMRI with Eyes Open - RKV",
    "SeriesNumber": 11,
    "SliceThickness": 3.4,
    "SliceTiming": [
      0,
      1.5,
      0.0625,
      1.5625,
      0.125,
      1.625,
      0.1875,
      1.6875,
      0.25,
      1.75,
      0.3125,
      1.8125,
      0.375,
      1.875,
      0.4375,
      1.9375,
      0.5,
      2,
      0.5625,
      2.0625,
      0.625,
      2.125,
      0.6875,
      2.1875,
      0.75,
      2.25,
      0.8125,
      2.3125,
      0.875,
      2.375,
      0.9375,
      2.4375,
      1,
      2.5,
      1.0625,
      2.5625,
      1.125,
      2.625,
      1.1875,
      2.6875,
      1.25,
      2.75,
      1.3125,
      2.8125,
      1.375,
      2.875,
      1.4375,
      2.9375
    ],
    "SoftwareVersions": "27\\LX\\MR Software release:DV26.0_R01_1725.a",
    "SpacingBetweenSlices": 3.4,
    "StationName": "fmrif3tb",
    "TaskName": "Resting state with eyes open.",
    "TotalReadoutTime": 0.026208,
    "TriggerDelayTime": 599938,
    "dataset": "ds004215",
    "modality": "bold",
    "session_id": "01",
    "subject_id": "ON62592",
    "task_id": "rest"
  },
  "dummy_trs": 1,
  "dvars_nstd": 14.706996089343443,
  "dvars_std": 1.218084617979798,
  "dvars_vstd": 0.9727149291919192,
  "efc": 0.42532925631679197,
  "fber": 4318.1689453125,
  "fd_mean": 0.11477791051729638,
  "fd_num": 17,
  "fd_perc": 8.542713567839195,
  "fwhm_avg": 2.8657872888496314,
  "fwhm_x": 2.9673309090909092,
  "fwhm_y": 2.6397381818181818,
  "fwhm_z": 2.990292775639803,
  "gcor": 0.0297191,
  "gsr_x": 0.014155012555420399,
  "gsr_y": 0.019007954746484756,
  "provenance": {
    "md5sum": "21112d95fe3a82b011152d852ce1bcf3",
    "settings": {
      "fd_thres": 0.2,
      "testing": false
    },
    "software": "mriqc",
    "version": "22.0.6",
    "webapi_port": null,
    "webapi_url": "https://mriqc.nimh.nih.gov/api/v1"
  },
  "size_t": 199,
  "size_x": 64,
  "size_y": 64,
  "size_z": 48,
  "snr": 3.7261235155225028,
  "spacing_tr": 3.0,
  "spacing_x": 3.4375,
  "spacing_y": 3.4375,
  "spacing_z": 3.4000015258789062,
  "summary_bg_k": 31.29685243048599,
  "summary_bg_mad": 12.859155311786498,
  "summary_bg_mean": 117.92792510986328,
  "summary_bg_median": 35.929649353027344,
  "summary_bg_n": 141093.0,
  "summary_bg_p05": 23.495477676391605,
  "summary_bg_p95": 501.1306396484372,
  "summary_bg_stdv": 243.365478515625,
  "summary_fg_k": 2.9603567982325316,
  "summary_fg_mad": 519.0821661621321,
  "summary_fg_mean": 2392.104736328125,
  "summary_fg_median": 2317.577880859375,
  "summary_fg_n": 21051.0,
  "summary_fg_p05": 1514.5703125,
  "summary_fg_p95": 3471.9169921875,
  "summary_fg_stdv": 621.9661865234375,
  "tsnr": 116.13325637555681
}