{
  "aor": 0.03263555555555556,
  "aqi": 0.0005253354444444444,
  "bids_meta": {
    "AcquisitionMatrixPE": 64,
    "AcquisitionNumber": 1,
    "AcquisitionTime": "15:59:44.000000",
    "BodyPartExamined": "BRAIN",
    "CoilString": "32Ch Head",
    "ConversionSoftware": "dcm2niix",
    "ConversionSoftwareVersion": "v1.0.20211006",
    "Dcm2bidsVersion": "2.1.6",
    "DeviceSerialNumber": "000301496MR3T6MR",
    "EchoTime": 0.0169,
    "EffectiveEchoSpacing": 0.000416,
    "FlipAngle": 90,
    "ImageOrientationPatientDICOM": [
      1,
      0,
      0,
      0,
      1,
      0
    ],
    "ImageType": [
      "ORIGINAL",
      "PRIMARY",
      "OTHER"
    ],
    "ImagingFrequency": 127.697,
    "InPlanePhaseEncodingDirectionDICOM": "COL",
    "InstitutionName": "NIH FMRIF",
    "InternalPulseSequenceName": "EPI",
    "MRAcquisitionType": "2D",
    "MagneticFieldStrength": 3,
    "Manufacturer": "GE",
    "ManufacturersModelName": "DISCOVERY MR750",
    "Modality": "MR",
    "PatientPosition": "HFS",
    "PercentPhaseFOV": 100,
    "PercentSampling": 100,
    "PhaseEncodingDirection": "j-",
    "PhaseEncodingPolarityGE": "Unflipped",
    "PixelBandwidth": 7812.5,
    "ProcedureStepDescription": "MRI Brain",
    "ProtocolName": "ADNI3 FMRIF Enhanced Pro",
    "PulseSequenceName": "epi",
    "ReconMatrixPE": 64,
    "RepetitionTime": 3,
    "SAR": 0.14881,
    "ScanOptions": "MP_GEMS\\EPI_GEMS\\PFF",
    "ScanningSequence": "EP\\GR",
    "SequenceVariant": "SS",
    "SeriesDescription": "Axial rsfMRI reverse blip - RKV",
    "SeriesNumber": 11,
    "SliceThickness": 3.4,
    "SliceTiming": [
      0,
      1.5,
      0.0625,
      1.5625,
      0.125,
      1.625,
      0.1875,
      1.6875,
      0.25,
      1.75,
      0.3125,
      1.8125,
      0.375,
      1.875,
      0.4375,
      1.9375,
      0.5,
      2,
      0.5625,
      2.0625,
      0.625,
      2.125,
      0.6875,
      2.1875,
      0.75,
      2.25,
      0.8125,
      2.3125,
      0.875,
      2.375,
      0.9375,
      2.4375,
      1,
      2.5,
      1.0625,
      2.5625,
      1.125,
      2.625,
      1.1875,
      2.6875,
      1.25,
      2.75,
      1.3125,
      2.8125,
      1.375,
      2.875,
      1.4375,
      2.9375
    ],
    "SoftwareVersions": "27\\LX\\MR Software release:DV26.0_R01_1725.a",
    "SpacingBetweenSlices": 3.4,
    "StationName": "fmrif3tb",
    "TaskName": "Resting state with reverse blip.",
    "TotalReadoutTime": 0.026208,
    "TriggerDelayTime": 29938,
    "dataset": "ds004215",
    "modality": "bold",
    "session_id": "01",
    "subject_id": "ON22299",
    "task_id": "rest"
  },
  "dummy_trs": 1,
  "dvars_nstd": 11.53288424125,
  "dvars_std": 1.4198663825,
  "dvars_vstd": 1.3224865512500001,
  "efc": 0.45565064492398993,
  "fber": 5661.76220703125,
  "fd_mean": 0.03289338631170782,
  "fd_num": 0,
  "fd_perc": 0.0,
  "fwhm_avg": 2.8408346885158284,
  "fwhm_x": 2.658205090909091,
  "fwhm_y": 2.7693003636363636,
  "fwhm_z": 3.0949986110020307,
  "gcor": 0.0495946,
  "gsr_x": -0.006723540369421244,
  "gsr_y": 0.05272407829761505,
  "provenance": {
    "md5sum": "27820ca40416f2d2f9bdf769fa284465",
    "settings": {
      "fd_thres": 0.2,
      "testing": false
    },
    "software": "mriqc",
    "version": "22.0.6",
    "webapi_port": null,
    "webapi_url": "https://mriqc.nimh.nih.gov/api/v1"
  },
  "size_t": 9,
  "size_x": 64,
  "size_y": 64,
  "size_z": 48,
  "snr": 4.205092750540696,
  "spacing_tr": 3.0,
  "spacing_x": 3.4375,
  "spacing_y": 3.4375,
  "spacing_z": 3.4000015258789062,
  "summary_bg_k": 20.7109992221151,
  "summary_bg_mad": 8.23667867749342,
  "summary_bg_mean": 129.09861755371094,
  "summary_bg_median": 32.11111068725586,
  "summary_bg_n": 134766.0,
  "summary_bg_p05": 23.77777862548828,
  "summary_bg_p95": 683.2777709960938,
  "summary_bg_stdv": 274.0141906738281,
  "summary_fg_k": 1.388357381472698,
  "summary_fg_mad": 477.3979143588038,
  "summary_fg_mean": 2476.348876953125,
  "summary_fg_median": 2394.5556640625,
  "summary_fg_n": 26847.0,
  "summary_fg_p05": 1650.1444458007813,
  "summary_fg_p95": 3530.744506835937,
  "summary_fg_stdv": 569.4312133789062,
  "tsnr": 219.60092919878662
}