{
  "aor": 0.0013711557788944723,
  "aqi": 0.002653731125628141,
  "bids_meta": {
    "AcquisitionMatrixPE": 64,
    "AcquisitionNumber": 1,
    "AcquisitionTime": "15:55:59.000000",
    "BodyPartExamined": "BRAIN",
    "CoilString": "32Ch Head",
    "ConversionSoftware": "dcm2niix",
    "ConversionSoftwareVersion": "v1.0.20211006",
    "Dcm2bidsVersion": "2.1.6",
    "DeviceSerialNumber": "000301496MR3T6MR",
    "EchoTime": 0.0169,
    "EffectiveEchoSpacing": 0.000416,
    "FlipAngle": 90,
    "ImageOrientationPatientDICOM": [
      1,
      0,
      0,
      0,
      1,
      0
    ],
    "ImageType": [
      "ORIGINAL",
      "PRIMARY",
      "OTHER"
    ],
    "ImagingFrequency": 127.697,
    "InPlanePhaseEncodingDirectionDICOM": "COL",
    "InstitutionName": "NIH FMRIF",
    "InternalPulseSequenceName": "EPI",
    "MRAcquisitionType": "2D",
    "MagneticFieldStrength": 3,
    "Manufacturer": "GE",
    "ManufacturersModelName": "DISCOVERY MR750",
    "Modality": "MR",
    "PatientPosition": "HFS",
    "PercentPhaseFOV": 100,
    "PercentSampling": 100,
    "PhaseEncodingDirection": "j",
    "PhaseEncodingPolarityGE": "Flipped",
    "PixelBandwidth": 7812.5,
    "ProcedureStepDescription": "MRI Brain",
    "ProtocolName": "ADNI3 FMRIF Enhanced Pro",
    "PulseSequenceName": "epi",
    "ReconMatrixPE": 64,
    "RepetitionTime": 3,
    "SAR": 0.151934,
    "ScanOptions": "MP_GEMS\\EPI_GEMS\\PFF",
    "ScanningSequence": "EP\\GR",
    "SequenceVariant": "SS",
    "SeriesDescription": "Axial rsfMRI with Eyes Open - RKV",
    "SeriesNumber": 11,
    "SliceThickness": 3.4,
    "SliceTiming": [
      0,
      1.5,
      0.0625,
      1.5625,
      0.125,
      1.625,
      0.1875,
      1.6875,
      0.25,
      1.75,
      0.3125,
      1.8125,
      0.375,
      1.875,
      0.4375,
      1.9375,
      0.5,
      2,
      0.5625,
      2.0625,
      0.625,
      2.125,
      0.6875,
      2.1875,
      0.75,
      2.25,
      0.8125,
      2.3125,
      0.875,
      2.375,
      0.9375,
      2.4375,
      1,
      2.5,
      1.0625,
      2.5625,
      1.125,
      2.625,
      1.1875,
      2.6875,
      1.25,
      2.75,
      1.3125,
      2.8125,
      1.375,
      2.875,
      1.4375,
      2.9375
    ],
    "SoftwareVersions": "27\\LX\\MR Software release:DV26.0_R01_1725.a",
    "SpacingBetweenSlices": 3.4,
    "StationName": "fmrif3tb",
    "TaskName": "Resting state with eyes open.",
    "TotalReadoutTime": 0.026208,
    "TriggerDelayTime": 599938,
    "dataset": "ds004215",
    "modality": "bold",
    "session_id": "01",
    "subject_id": "ON50015",
    "task_id": "rest"
  },
  "dummy_trs": 1,
  "dvars_nstd": 10.419874342878781,
  "dvars_std": 1.1566274292929293,
  "dvars_vstd": 0.9493589082323234,
  "efc": 0.435751508069866,
  "fber": 5903.67919921875,
  "fd_mean": 0.06723300376858109,
  "fd_num": 5,
  "fd_perc": 2.512562814070352,
  "fwhm_avg": 2.6407343626918696,
  "fwhm_x": 2.708256,
  "fwhm_y": 2.3478807272727273,
  "fwhm_z": 2.8660663608028814,
  "gcor": 0.0569343,
  "gsr_x": -0.0008955918019637465,
  "gsr_y": 0.020530181005597115,
  "provenance": {
    "md5sum": "1caab10dacea39291655e4883c1e089b",
    "settings": {
      "fd_thres": 0.2,
      "testing": false
    },
    "software": "mriqc",
    "version": "22.0.6",
    "webapi_port": null,
    "webapi_url": "https://mriqc.nimh.nih.gov/api/v1"
  },
  "size_t": 199,
  "size_x": 64,
  "size_y": 64,
  "size_z": 48,
  "snr": 4.15945390420006,
  "spacing_tr": 3.0,
  "spacing_x": 3.4375,
  "spacing_y": 3.4375,
  "spacing_z": 3.4000015258789062,
  "summary_bg_k": 23.21220006225991,
  "summary_bg_mad": 9.230876284478716,
  "summary_bg_mean": 114.10657501220703,
  "summary_bg_median": 33.0,
  "summary_bg_n": 137946.0,
  "summary_bg_p05": 23.97487449645996,
  "summary_bg_p95": 564.6771240234375,
  "summary_bg_stdv": 222.29208374023438,
  "summary_fg_k": 3.306169544187725,
  "summary_fg_mad": 483.5740964033256,
  "summary_fg_mean": 2603.740234375,
  "summary_fg_median": 2497.633056640625,
  "summary_fg_n": 23971.0,
  "summary_fg_p05": 1819.095458984375,
  "summary_fg_p95": 3710.5401611328125,
  "summary_fg_stdv": 600.4588623046875,
  "tsnr": 131.86010523838922
}