{
  "aor": 0.03331666666666667,
  "aqi": 0.0006911229999999999,
  "bids_meta": {
    "AcquisitionMatrixPE": 64,
    "AcquisitionNumber": 1,
    "AcquisitionTime": "15:15:24.000000",
    "BodyPartExamined": "BRAIN",
    "CoilString": "32Ch Head",
    "ConversionSoftware": "dcm2niix",
    "ConversionSoftwareVersion": "v1.0.20211006",
    "Dcm2bidsVersion": "2.1.6",
    "DeviceSerialNumber": "000301496MR3T6MR",
    "EchoTime": 0.0169,
    "EffectiveEchoSpacing": 0.000416,
    "FlipAngle": 90,
    "ImageOrientationPatientDICOM": [
      1,
      0,
      0,
      0,
      1,
      0
    ],
    "ImageType": [
      "ORIGINAL",
      "PRIMARY",
      "OTHER"
    ],
    "ImagingFrequency": 127.696,
    "InPlanePhaseEncodingDirectionDICOM": "COL",
    "InstitutionName": "NIH FMRIF",
    "InternalPulseSequenceName": "EPI",
    "MRAcquisitionType": "2D",
    "MagneticFieldStrength": 3,
    "Manufacturer": "GE",
    "ManufacturersModelName": "DISCOVERY MR750",
    "Modality": "MR",
    "PatientPosition": "HFS",
    "PercentPhaseFOV": 100,
    "PercentSampling": 100,
    "PhaseEncodingDirection": "j-",
    "PhaseEncodingPolarityGE": "Unflipped",
    "PixelBandwidth": 7812.5,
    "ProcedureStepDescription": "MRI Brain",
    "ProtocolName": "ADNI3 FMRIF Enhanced Pro",
    "PulseSequenceName": "epi",
    "ReconMatrixPE": 64,
    "RepetitionTime": 3,
    "SAR": 0.149709,
    "ScanOptions": "MP_GEMS\\EPI_GEMS\\PFF",
    "ScanningSequence": "EP\\GR",
    "SequenceVariant": "SS",
    "SeriesDescription": "Axial rsfMRI reverse blip - RKV",
    "SeriesNumber": 11,
    "SliceThickness": 3.4,
    "SliceTiming": [
      0,
      1.5,
      0.0625,
      1.5625,
      0.125,
      1.625,
      0.1875,
      1.6875,
      0.25,
      1.75,
      0.3125,
      1.8125,
      0.375,
      1.875,
      0.4375,
      1.9375,
      0.5,
      2,
      0.5625,
      2.0625,
      0.625,
      2.125,
      0.6875,
      2.1875,
      0.75,
      2.25,
      0.8125,
      2.3125,
      0.875,
      2.375,
      0.9375,
      2.4375,
      1,
      2.5,
      1.0625,
      2.5625,
      1.125,
      2.625,
      1.1875,
      2.6875,
      1.25,
      2.75,
      1.3125,
      2.8125,
      1.375,
      2.875,
      1.4375,
      2.9375
    ],
    "SoftwareVersions": "27\\LX\\MR Software release:DV26.0_R03_1831.b",
    "SpacingBetweenSlices": 3.4,
    "StationName": "FMRI3tb",
    "TaskName": "Resting state with reverse blip.",
    "TotalReadoutTime": 0.026208,
    "TriggerDelayTime": 29938,
    "dataset": "ds004215",
    "modality": "bold",
    "session_id": "01",
    "subject_id": "ON95742",
    "task_id": "rest"
  },
  "dummy_trs": 1,
  "dvars_nstd": 12.027458667499998,
  "dvars_std": 1.4582967175000001,
  "dvars_vstd": 1.34494475875,
  "efc": 0.4634418339550097,
  "fber": 5863.18408203125,
  "fd_mean": 0.045294338650574494,
  "fd_num": 0,
  "fd_perc": 0.0,
  "fwhm_avg": 2.548690269837692,
  "fwhm_x": 2.4655767272727274,
  "fwhm_y": 2.48016,
  "fwhm_z": 2.700334082240348,
  "gcor": 0.0200456,
  "gsr_x": -0.0018885000608861446,
  "gsr_y": 0.036723848432302475,
  "provenance": {
    "md5sum": "97204e91cf7ed24136bf69c37fe004d6",
    "settings": {
      "fd_thres": 0.2,
      "testing": false
    },
    "software": "mriqc",
    "version": "22.0.6",
    "webapi_port": null,
    "webapi_url": "https://mriqc.nimh.nih.gov/api/v1"
  },
  "size_t": 9,
  "size_x": 64,
  "size_y": 64,
  "size_z": 48,
  "snr": 4.988073225910804,
  "spacing_tr": 3.0,
  "spacing_x": 3.4375,
  "spacing_y": 3.4375,
  "spacing_z": 3.4000015258789062,
  "summary_bg_k": 27.904104794847086,
  "summary_bg_mad": 8.730880359608392,
  "summary_bg_mean": 119.7649917602539,
  "summary_bg_median": 32.66666793823242,
  "summary_bg_n": 132365.0,
  "summary_bg_p05": 23.33333396911621,
  "summary_bg_p95": 595.8666870117174,
  "summary_bg_stdv": 240.9835205078125,
  "summary_fg_k": 0.46282629028662114,
  "summary_fg_mad": 456.3120965763758,
  "summary_fg_mean": 2543.485595703125,
  "summary_fg_median": 2492.111083984375,
  "summary_fg_n": 27873.0,
  "summary_fg_p05": 1767.733349609375,
  "summary_fg_p95": 3428.77783203125,
  "summary_fg_stdv": 499.6050109863281,
  "tsnr": 217.4641357474029
}