{
  "bids_meta": {
    "AcquisitionMatrixPE": 256,
    "AcquisitionNumber": 1,
    "AcquisitionTime": "14:21:47.000000",
    "BodyPartExamined": "BRAIN",
    "CoilString": "32Ch Head",
    "ConversionSoftware": "dcm2niix",
    "ConversionSoftwareVersion": "v1.0.20211006",
    "Dcm2bidsVersion": "2.1.6",
    "DeviceSerialNumber": "000301496MR3T6MR",
    "EchoTime": 0.003036,
    "FlipAngle": 11,
    "ImageOrientationPatientDICOM": [
      0,
      1,
      0,
      0,
      0,
      -1
    ],
    "ImageType": [
      "ORIGINAL",
      "PRIMARY",
      "OTHER"
    ],
    "ImagingFrequency": 127.697,
    "InPlanePhaseEncodingDirectionDICOM": "ROW",
    "InstitutionName": "NIH FMRIF",
    "InversionTime": 0.4,
    "MRAcquisitionType": "3D",
    "MagneticFieldStrength": 3,
    "Manufacturer": "GE",
    "ManufacturersModelName": "DISCOVERY MR750",
    "Modality": "MR",
    "ParallelReductionFactorInPlane": 1.72974,
    "PatientPosition": "HFS",
    "PercentPhaseFOV": 100,
    "PercentSampling": 100,
    "PixelBandwidth": 244.141,
    "ProcedureStepDescription": "MRI Brain",
    "ProtocolName": "ADNI3 FMRIF Enhanced Pro",
    "ReconMatrixPE": 256,
    "RepetitionTime": 0.007348,
    "SAR": 0.213017,
    "ScanOptions": "FAST_GEMS\\EDR_GEMS\\FILTERED_GEMS\\ACC_GEMS\\IR_GEMS",
    "ScanningSequence": "GR",
    "SequenceVariant": "SS\\SP\\SK",
    "SeriesDescription": "Accelerated Sagittal IR-FSPGR",
    "SeriesNumber": 3,
    "SliceThickness": 1.2,
    "SoftwareVersions": "27\\LX\\MR Software release:DV26.0_R01_1725.a",
    "SpacingBetweenSlices": 1.2,
    "SpoilingState": true,
    "StationName": "fmrif3tb",
    "acq_id": "FSPGR",
    "dataset": "ds004215",
    "modality": "T1w",
    "rec_id": "SCIC",
    "session_id": "01",
    "subject_id": "ON99871"
  },
  "cjv": 0.3277499512512384,
  "cnr": 4.125521929611988,
  "efc": 0.5742856173847913,
  "fber": -1.0,
  "fwhm_avg": 3.553740998793852,
  "fwhm_x": 3.225724870109228,
  "fwhm_y": 3.9461647226815817,
  "fwhm_z": 3.4893334035907464,
  "icvs_csf": 0.2561476806701301,
  "icvs_gm": 0.4191155299735037,
  "icvs_wm": 0.3247367893563662,
  "inu_med": 0.5788635611534119,
  "inu_range": 0.13809054493904105,
  "provenance": {
    "md5sum": "d4a096a7ea9bc7679ad2f5657abbb01a",
    "settings": {
      "testing": false
    },
    "software": "mriqc",
    "version": "22.0.6",
    "warnings": {
      "large_rot_frame": true,
      "small_air_mask": false
    },
    "webapi_port": null,
    "webapi_url": "https://mriqc.nimh.nih.gov/api/v1"
  },
  "qi_1": 5.087105785638083e-06,
  "qi_2": 0.0026392363404407057,
  "rpve_csf": 28.555480563365172,
  "rpve_gm": 16.934964038359084,
  "rpve_wm": 24.98775701756959,
  "size_x": 196,
  "size_y": 256,
  "size_z": 256,
  "snr_csf": 4.399473700877093,
  "snr_gm": 9.733217173813033,
  "snr_total": 11.87688365655461,
  "snr_wm": 21.4979600949737,
  "snrd_csf": 12.572684279796036,
  "snrd_gm": 37.53814265735051,
  "snrd_total": 35.716454710225264,
  "snrd_wm": 57.03853719352924,
  "spacing_x": 1.1999969482421875,
  "spacing_y": 1.0547000169754028,
  "spacing_z": 1.0547000169754028,
  "summary_bg_k": 18.0534226276601,
  "summary_bg_mad": 0.0,
  "summary_bg_mean": 6.2687677970929645,
  "summary_bg_median": 0.0,
  "summary_bg_n": 1116590.0,
  "summary_bg_p05": 0.0,
  "summary_bg_p95": 26.38046808540821,
  "summary_bg_stdv": 11.48585533411597,
  "summary_csf_k": 5.934366672272853,
  "summary_csf_mad": 39.293938057595746,
  "summary_csf_mean": 221.26690888657,
  "summary_csf_median": 220.42437696829438,
  "summary_csf_n": 94499.0,
  "summary_csf_p05": 148.0419435724616,
  "summary_csf_p95": 290.96755102090503,
  "summary_csf_stdv": 50.102177140501674,
  "summary_gm_k": 0.03794899036852328,
  "summary_gm_mad": 67.29162808008668,
  "summary_gm_mean": 657.0067981498335,
  "summary_gm_median": 658.118944503367,
  "summary_gm_n": 31486.0,
  "summary_gm_p05": 543.2574033364654,
  "summary_gm_p95": 766.2215148098767,
  "summary_gm_stdv": 67.61469323973137,
  "summary_wm_k": 0.44354314028690744,
  "summary_wm_mad": 44.759864526194846,
  "summary_wm_mean": 999.8973522866247,
  "summary_wm_median": 999.999979659915,
  "summary_wm_n": 138871.0,
  "summary_wm_p05": 923.7874627765268,
  "summary_wm_p95": 1074.9631110206246,
  "summary_wm_stdv": 46.5158728908223,
  "tpm_overlap_csf": 0.12456866318129436,
  "tpm_overlap_gm": 0.42155625499406596,
  "tpm_overlap_wm": 0.4009685158119416,
  "wm2max": 0.42021551278961683
}