{
  "bids_meta": {
    "AcquisitionMatrixPE": 256,
    "AcquisitionNumber": 1,
    "AcquisitionTime": "14:27:43.000000",
    "BodyPartExamined": "BRAIN",
    "CoilString": "32Ch Head",
    "ConversionSoftware": "dcm2niix",
    "ConversionSoftwareVersion": "v1.0.20211006",
    "Dcm2bidsVersion": "2.1.6",
    "DeviceSerialNumber": "000301496MR3T6MR",
    "EchoTime": 0.059105,
    "EchoTrainLength": 140,
    "FlipAngle": 90,
    "ImageOrientationPatientDICOM": [
      0,
      1,
      0,
      0,
      0,
      -1
    ],
    "ImageType": [
      "ORIGINAL",
      "PRIMARY",
      "OTHER"
    ],
    "ImagingFrequency": 127.697,
    "InPlanePhaseEncodingDirectionDICOM": "ROW",
    "InstitutionName": "NIH FMRIF",
    "MRAcquisitionType": "3D",
    "MagneticFieldStrength": 3,
    "Manufacturer": "GE",
    "ManufacturersModelName": "DISCOVERY MR750",
    "Modality": "MR",
    "ParallelReductionFactorInPlane": 2,
    "ParallelReductionOutOfPlane": 1.5,
    "PatientPosition": "HFS",
    "PercentPhaseFOV": 100,
    "PercentSampling": 100,
    "PhaseEncodingAxis": "i",
    "PixelBandwidth": 244.141,
    "ProcedureStepDescription": "MRI Brain",
    "ProtocolName": "ADNI3 FMRIF Enhanced Pro",
    "ReconMatrixPE": 256,
    "RepetitionTime": 3.202,
    "SAR": 0.3763,
    "ScanOptions": "SAT_GEMS\\EDR_GEMS\\PROMO_GEMS\\ACC_GEMS\\FS\\FR_GEMS",
    "ScanningSequence": "RM",
    "SequenceVariant": "NONE",
    "SeriesDescription": "Sag_CUBE_T2",
    "SeriesNumber": 4,
    "SliceThickness": 1,
    "SoftwareVersions": "27\\LX\\MR Software release:DV26.0_R01_1725.a",
    "SpacingBetweenSlices": 1,
    "StationName": "fmrif3tb",
    "acq_id": "CUBE",
    "dataset": "ds004215",
    "modality": "T2w",
    "session_id": "01",
    "subject_id": "ON99871"
  },
  "cjv": 0.22720942480337547,
  "cnr": 5.102107494519383,
  "efc": 0.40926129849766957,
  "fber": 6195.795529230394,
  "fwhm_avg": 2.8252400000000004,
  "fwhm_x": 2.3074,
  "fwhm_y": 3.16463,
  "fwhm_z": 3.00369,
  "icvs_csf": 0.19219841995841844,
  "icvs_gm": 0.7263220847113824,
  "icvs_wm": 0.08147949533019924,
  "inu_med": 0.9008643627166748,
  "inu_range": 0.5958556175231933,
  "provenance": {
    "md5sum": "f655f73bb5f1acd76543dc09443dacc5",
    "settings": {
      "testing": false
    },
    "software": "mriqc",
    "version": "22.0.6",
    "warnings": {
      "large_rot_frame": true,
      "small_air_mask": false
    },
    "webapi_port": null,
    "webapi_url": "https://mriqc.nimh.nih.gov/api/v1"
  },
  "qi_1": 5.368092441960163e-05,
  "qi_2": 0.010166027031550853,
  "rpve_csf": 27.258022612066597,
  "rpve_gm": 9.601100820552508,
  "rpve_wm": 64.41066546884207,
  "size_x": 204,
  "size_y": 256,
  "size_z": 256,
  "snr_csf": 10.692081744392969,
  "snr_gm": 8.866927326945339,
  "snr_total": 6.823588274748576,
  "snr_wm": 0.9117557529074191,
  "snrd_csf": 135.25213801889828,
  "snrd_gm": 49.87383720127666,
  "snrd_total": 63.68131045240125,
  "snrd_wm": 5.917956137028824,
  "spacing_x": 1.0,
  "spacing_y": 1.0,
  "spacing_z": 1.0,
  "summary_bg_k": 2.681300463001011,
  "summary_bg_mad": 110.7337809857198,
  "summary_bg_mean": 92.1825521252691,
  "summary_bg_median": 74.68880027532578,
  "summary_bg_n": 4429438.0,
  "summary_bg_p05": 0.0,
  "summary_bg_p95": 315.90596264600754,
  "summary_bg_stdv": 114.49625500964235,
  "summary_csf_k": 13.891636099023742,
  "summary_csf_mad": 1329.6256220581615,
  "summary_csf_mean": 22786.60708521716,
  "summary_csf_median": 22860.858638346195,
  "summary_csf_n": 131193.0,
  "summary_csf_p05": 20086.308020710945,
  "summary_csf_p95": 25688.74259188175,
  "summary_csf_stdv": 2138.102949254513,
  "summary_gm_k": -0.3428618363897842,
  "summary_gm_mad": 1013.0090334619553,
  "summary_gm_mean": 8513.409449367899,
  "summary_gm_median": 8429.875924408436,
  "summary_gm_n": 555509.0,
  "summary_gm_p05": 7100.968529880047,
  "summary_gm_p95": 10177.04060047865,
  "summary_gm_stdv": 950.7090817428577,
  "summary_wm_k": 5.972560026139718,
  "summary_wm_mad": 675.0659388981289,
  "summary_wm_mean": 1365.4433966822864,
  "summary_wm_median": 1000.2766733169556,
  "summary_wm_n": 12957.0,
  "summary_wm_p05": 328.52007113695146,
  "summary_wm_p95": 3648.0223055958722,
  "summary_wm_stdv": 1097.0460778847794,
  "tpm_overlap_csf": 0.12371978711022519,
  "tpm_overlap_gm": 0.4448722309281471,
  "tpm_overlap_wm": 0.034602272335734985,
  "wm2max": 0.03571428571428571
}