{
  "bids_meta": {
    "AcquisitionMatrixPE": 256,
    "AcquisitionNumber": 1,
    "AcquisitionTime": "15:07:36.000000",
    "BodyPartExamined": "BRAIN",
    "CoilString": "32Ch Head",
    "ConversionSoftware": "dcm2niix",
    "ConversionSoftwareVersion": "v1.0.20211006",
    "Dcm2bidsVersion": "2.1.6",
    "DeviceSerialNumber": "000301496MR3T6MR",
    "EchoTime": 0.003036,
    "FlipAngle": 11,
    "ImageOrientationPatientDICOM": [
      0,
      1,
      0,
      0,
      0,
      -1
    ],
    "ImageType": [
      "ORIGINAL",
      "PRIMARY",
      "OTHER"
    ],
    "ImagingFrequency": 127.697,
    "InPlanePhaseEncodingDirectionDICOM": "ROW",
    "InstitutionName": "NIH FMRIF",
    "InversionTime": 0.4,
    "MRAcquisitionType": "3D",
    "MagneticFieldStrength": 3,
    "Manufacturer": "GE",
    "ManufacturersModelName": "DISCOVERY MR750",
    "Modality": "MR",
    "ParallelReductionFactorInPlane": 1.72974,
    "PatientPosition": "HFS",
    "PercentPhaseFOV": 100,
    "PercentSampling": 100,
    "PixelBandwidth": 244.141,
    "ProcedureStepDescription": "MRI Brain",
    "ProtocolName": "ADNI3 FMRIF Enhanced Pro",
    "ReconMatrixPE": 256,
    "RepetitionTime": 0.007348,
    "SAR": 0.248792,
    "ScanOptions": "FAST_GEMS\\EDR_GEMS\\FILTERED_GEMS\\ACC_GEMS\\IR_GEMS",
    "ScanningSequence": "GR",
    "SequenceVariant": "SS\\SP\\SK",
    "SeriesDescription": "Accelerated Sagittal IR-FSPGR",
    "SeriesNumber": 3,
    "SliceThickness": 1.2,
    "SoftwareVersions": "27\\LX\\MR Software release:DV26.0_R01_1725.a",
    "SpacingBetweenSlices": 1.2,
    "SpoilingState": true,
    "StationName": "fmrif3tb",
    "acq_id": "FSPGR",
    "dataset": "ds004215",
    "modality": "T1w",
    "rec_id": "SCIC",
    "session_id": "01",
    "subject_id": "ON82798"
  },
  "cjv": 0.2962708473680386,
  "cnr": 4.4508013165686044,
  "efc": 0.5977613312760086,
  "fber": 18102.940904236384,
  "fwhm_avg": 3.6527007803198166,
  "fwhm_x": 3.3966537094610487,
  "fwhm_y": 3.9694794089470826,
  "fwhm_z": 3.5919692225513185,
  "icvs_csf": 0.2087714205183045,
  "icvs_gm": 0.46777399971309697,
  "icvs_wm": 0.32345457976859854,
  "inu_med": 0.5443371534347534,
  "inu_range": 0.1469450145959853,
  "provenance": {
    "md5sum": "fcae5cdc26040aa9b298bc864da8652f",
    "settings": {
      "testing": false
    },
    "software": "mriqc",
    "version": "22.0.6",
    "warnings": {
      "large_rot_frame": true,
      "small_air_mask": false
    },
    "webapi_port": null,
    "webapi_url": "https://mriqc.nimh.nih.gov/api/v1"
  },
  "qi_1": 0.0,
  "qi_2": 0.0030206705869321063,
  "rpve_csf": 29.91374198069977,
  "rpve_gm": 14.831013879351021,
  "rpve_wm": 24.78557092855273,
  "size_x": 196,
  "size_y": 256,
  "size_z": 256,
  "snr_csf": 2.3022354632593283,
  "snr_gm": 9.436034921058862,
  "snr_total": 12.06505888442257,
  "snr_wm": 24.456906268949517,
  "snrd_csf": 16.54125560240929,
  "snrd_gm": 46.28747966030125,
  "snrd_total": 44.91227661956205,
  "snrd_wm": 71.90809459597561,
  "spacing_x": 1.2000045776367188,
  "spacing_y": 1.0547000169754028,
  "spacing_z": 1.0547000169754028,
  "summary_bg_k": 15.23392005616838,
  "summary_bg_mad": 0.0,
  "summary_bg_mean": 5.212194738097256,
  "summary_bg_median": 0.0,
  "summary_bg_n": 935462.0,
  "summary_bg_p05": 0.0,
  "summary_bg_p95": 23.333233453333378,
  "summary_bg_stdv": 9.110746241243685,
  "summary_csf_k": 1.1818374354451135,
  "summary_csf_mad": 88.66355262666512,
  "summary_csf_mean": 237.41248309225506,
  "summary_csf_median": 230.03329124301672,
  "summary_csf_n": 20251.0,
  "summary_csf_p05": 84.72542995586991,
  "summary_csf_p95": 417.523919692263,
  "summary_csf_stdv": 99.91489371524368,
  "summary_gm_k": 0.10866088115451111,
  "summary_gm_mad": 66.96454877420143,
  "summary_gm_mean": 642.7594904134074,
  "summary_gm_median": 643.7033285461366,
  "summary_gm_n": 39824.0,
  "summary_gm_p05": 527.3670656085014,
  "summary_gm_p95": 753.1415918767452,
  "summary_gm_stdv": 68.21670882195237,
  "summary_wm_k": 0.6139876581401409,
  "summary_wm_mad": 38.595769147414906,
  "summary_wm_mean": 999.5100555580876,
  "summary_wm_median": 1000.0000039003789,
  "summary_wm_n": 160132.0,
  "summary_wm_p05": 931.4398860670626,
  "summary_wm_p95": 1065.1711045354605,
  "summary_wm_stdv": 40.88811849195692,
  "tpm_overlap_csf": 0.1657316214070368,
  "tpm_overlap_gm": 0.475781678241653,
  "tpm_overlap_wm": 0.5188736152435445,
  "wm2max": 0.5946991991724188
}