{
  "bids_meta": {
    "AcquisitionMatrixPE": 256,
    "AcquisitionNumber": 1,
    "AcquisitionTime": "15:13:38.000000",
    "BodyPartExamined": "BRAIN",
    "CoilString": "32Ch Head",
    "ConversionSoftware": "dcm2niix",
    "ConversionSoftwareVersion": "v1.0.20211006",
    "Dcm2bidsVersion": "2.1.6",
    "DeviceSerialNumber": "000301496MR3T6MR",
    "EchoTime": 0.060005,
    "EchoTrainLength": 140,
    "FlipAngle": 90,
    "ImageOrientationPatientDICOM": [
      0,
      1,
      0,
      0,
      0,
      -1
    ],
    "ImageType": [
      "ORIGINAL",
      "PRIMARY",
      "OTHER"
    ],
    "ImagingFrequency": 127.697,
    "InPlanePhaseEncodingDirectionDICOM": "ROW",
    "InstitutionName": "NIH FMRIF",
    "MRAcquisitionType": "3D",
    "MagneticFieldStrength": 3,
    "Manufacturer": "GE",
    "ManufacturersModelName": "DISCOVERY MR750",
    "Modality": "MR",
    "ParallelReductionFactorInPlane": 2,
    "ParallelReductionOutOfPlane": 1.5,
    "PatientPosition": "HFS",
    "PercentPhaseFOV": 100,
    "PercentSampling": 100,
    "PhaseEncodingAxis": "i",
    "PixelBandwidth": 244.141,
    "ProcedureStepDescription": "MRI Brain",
    "ProtocolName": "ADNI3 FMRIF Enhanced Pro",
    "ReconMatrixPE": 256,
    "RepetitionTime": 3.202,
    "SAR": 0.3699,
    "ScanOptions": "SAT_GEMS\\EDR_GEMS\\PROMO_GEMS\\ACC_GEMS\\FS\\FR_GEMS",
    "ScanningSequence": "RM",
    "SequenceVariant": "NONE",
    "SeriesDescription": "Sag_CUBE_T2",
    "SeriesNumber": 4,
    "SliceThickness": 1,
    "SoftwareVersions": "27\\LX\\MR Software release:DV26.0_R01_1725.a",
    "SpacingBetweenSlices": 1,
    "StationName": "fmrif3tb",
    "acq_id": "CUBE",
    "dataset": "ds004215",
    "modality": "T2w",
    "session_id": "01",
    "subject_id": "ON82798"
  },
  "cjv": 2.362124339297198,
  "cnr": 0.6729973042324323,
  "efc": 0.44133607297026944,
  "fber": 8020.660356949702,
  "fwhm_avg": 2.4415899999999997,
  "fwhm_x": 2.0559,
  "fwhm_y": 2.68407,
  "fwhm_z": 2.5848,
  "icvs_csf": 0.29084765927862,
  "icvs_gm": 0.5167666268000978,
  "icvs_wm": 0.1923857139212822,
  "inu_med": 0.8812651634216309,
  "inu_range": 0.6354995727539063,
  "provenance": {
    "md5sum": "72415401d213dcfb084150964ab5253d",
    "settings": {
      "testing": false
    },
    "software": "mriqc",
    "version": "22.0.6",
    "warnings": {
      "large_rot_frame": true,
      "small_air_mask": false
    },
    "webapi_port": null,
    "webapi_url": "https://mriqc.nimh.nih.gov/api/v1"
  },
  "qi_1": 0.0,
  "qi_2": 0.017292228836222844,
  "rpve_csf": 16.5758717007187,
  "rpve_gm": 11.461310236624978,
  "rpve_wm": 31.11955983712199,
  "size_x": 204,
  "size_y": 256,
  "size_z": 256,
  "snr_csf": 11.792753700926724,
  "snr_gm": 12.023569905617814,
  "snr_total": 8.431012287314354,
  "snr_wm": 1.4767132553985294,
  "snrd_csf": 68.4550083853908,
  "snrd_gm": 48.34320432595691,
  "snrd_total": 68.59718826354467,
  "snrd_wm": 88.99335207928628,
  "spacing_x": 1.0,
  "spacing_y": 1.0,
  "spacing_z": 1.0,
  "summary_bg_k": 0.3259868794686196,
  "summary_bg_mad": 7.384549773527641,
  "summary_bg_mean": 6.879198419977458,
  "summary_bg_median": 4.98080313205719,
  "summary_bg_n": 3700093.0,
  "summary_bg_p05": 0.0,
  "summary_bg_p95": 20.822524204850197,
  "summary_bg_stdv": 7.556992190011544,
  "summary_csf_k": 0.6357077669518176,
  "summary_csf_mad": 61.25586600332477,
  "summary_csf_mean": 775.2565301398358,
  "summary_csf_median": 771.609418541193,
  "summary_csf_n": 24162.0,
  "summary_csf_p05": 673.9320643413812,
  "summary_csf_p95": 889.0716296266764,
  "summary_csf_stdv": 65.42945528483156,
  "summary_gm_k": -0.11799609407307665,
  "summary_gm_mad": 46.666252041042725,
  "summary_gm_mean": 545.5179342765044,
  "summary_gm_median": 544.9136982113123,
  "summary_gm_n": 241214.0,
  "summary_gm_p05": 472.17321913689375,
  "summary_gm_p95": 619.8678675666451,
  "summary_gm_stdv": 45.320364331409976,
  "summary_wm_k": -1.4808520679165336,
  "summary_wm_mad": 1035.6574649394267,
  "summary_wm_mean": 849.6888280329567,
  "summary_wm_median": 1003.1129974499345,
  "summary_wm_n": 57360.0,
  "summary_wm_p05": 36.52588963508606,
  "summary_wm_p95": 1920.0996074080467,
  "summary_wm_stdv": 679.281674850021,
  "tpm_overlap_csf": 0.09816187449517445,
  "tpm_overlap_gm": 0.32340548877394215,
  "tpm_overlap_wm": 0.03883748794204795,
  "wm2max": 0.5394731946873024
}