{
  "aor": 0.03892555555555556,
  "aqi": 0.0012653472222222222,
  "bids_meta": {
    "AcquisitionMatrixPE": 64,
    "AcquisitionNumber": 1,
    "AcquisitionTime": "16:03:43.000000",
    "BodyPartExamined": "BRAIN",
    "CoilString": "32Ch Head",
    "ConversionSoftware": "dcm2niix",
    "ConversionSoftwareVersion": "v1.0.20211006",
    "Dcm2bidsVersion": "2.1.6",
    "DeviceSerialNumber": "000301496MR3T6MR",
    "EchoTime": 0.0169,
    "EffectiveEchoSpacing": 0.000416,
    "FlipAngle": 90,
    "ImageOrientationPatientDICOM": [
      1,
      0,
      0,
      0,
      1,
      0
    ],
    "ImageType": [
      "ORIGINAL",
      "PRIMARY",
      "OTHER"
    ],
    "ImagingFrequency": 127.697,
    "InPlanePhaseEncodingDirectionDICOM": "COL",
    "InstitutionName": "NIH FMRIF",
    "InternalPulseSequenceName": "EPI",
    "MRAcquisitionType": "2D",
    "MagneticFieldStrength": 3,
    "Manufacturer": "GE",
    "ManufacturersModelName": "DISCOVERY MR750",
    "Modality": "MR",
    "PatientPosition": "HFS",
    "PercentPhaseFOV": 100,
    "PercentSampling": 100,
    "PhaseEncodingDirection": "j-",
    "PhaseEncodingPolarityGE": "Unflipped",
    "PixelBandwidth": 7812.5,
    "ProcedureStepDescription": "MRI Brain",
    "ProtocolName": "ADNI3 FMRIF Enhanced Pro",
    "PulseSequenceName": "epi",
    "ReconMatrixPE": 64,
    "RepetitionTime": 3,
    "SAR": 0.200716,
    "ScanOptions": "MP_GEMS\\EPI_GEMS\\PFF",
    "ScanningSequence": "EP\\GR",
    "SequenceVariant": "SS",
    "SeriesDescription": "Axial rsfMRI reverse blip - RKV",
    "SeriesNumber": 12,
    "SliceThickness": 3.4,
    "SliceTiming": [
      0,
      1.5,
      0.0625,
      1.5625,
      0.125,
      1.625,
      0.1875,
      1.6875,
      0.25,
      1.75,
      0.3125,
      1.8125,
      0.375,
      1.875,
      0.4375,
      1.9375,
      0.5,
      2,
      0.5625,
      2.0625,
      0.625,
      2.125,
      0.6875,
      2.1875,
      0.75,
      2.25,
      0.8125,
      2.3125,
      0.875,
      2.375,
      0.9375,
      2.4375,
      1,
      2.5,
      1.0625,
      2.5625,
      1.125,
      2.625,
      1.1875,
      2.6875,
      1.25,
      2.75,
      1.3125,
      2.8125,
      1.375,
      2.875,
      1.4375,
      2.9375
    ],
    "SoftwareVersions": "27\\LX\\MR Software release:DV26.0_R01_1725.a",
    "SpacingBetweenSlices": 3.4,
    "StationName": "fmrif3tb",
    "TaskName": "Resting state with reverse blip.",
    "TotalReadoutTime": 0.026208,
    "TriggerDelayTime": 29938,
    "dataset": "ds004215",
    "modality": "bold",
    "session_id": "01",
    "subject_id": "ON93016",
    "task_id": "rest"
  },
  "dummy_trs": 1,
  "dvars_nstd": 18.735503197499998,
  "dvars_std": 1.4793479575,
  "dvars_vstd": 1.40273348875,
  "efc": 0.4988846361790486,
  "fber": 3997.734375,
  "fd_mean": 0.10837997515844602,
  "fd_num": 0,
  "fd_perc": 0.0,
  "fwhm_avg": 2.6915652618593224,
  "fwhm_x": 2.635089454545455,
  "fwhm_y": 2.6123985454545453,
  "fwhm_z": 2.8272077855779667,
  "gcor": 0.0446736,
  "gsr_x": 0.002523227361962199,
  "gsr_y": 0.0433700866997242,
  "provenance": {
    "md5sum": "44419fc31b3d7b52afa8ff9a69e0a281",
    "settings": {
      "fd_thres": 0.2,
      "testing": false
    },
    "software": "mriqc",
    "version": "22.0.6",
    "webapi_port": null,
    "webapi_url": "https://mriqc.nimh.nih.gov/api/v1"
  },
  "size_t": 9,
  "size_x": 64,
  "size_y": 64,
  "size_z": 48,
  "snr": 4.260140100517163,
  "spacing_tr": 3.0,
  "spacing_x": 3.4375,
  "spacing_y": 3.4375,
  "spacing_z": 3.3999977111816406,
  "summary_bg_k": 14.906371556776634,
  "summary_bg_mad": 20.26223220480277,
  "summary_bg_mean": 173.85418701171875,
  "summary_bg_median": 42.88888931274414,
  "summary_bg_n": 128337.0,
  "summary_bg_p05": 25.55555534362793,
  "summary_bg_p95": 831.7777709960938,
  "summary_bg_stdv": 307.92498779296875,
  "summary_fg_k": 0.6904592922968567,
  "summary_fg_mad": 586.2870117198443,
  "summary_fg_mean": 2710.782470703125,
  "summary_fg_median": 2661.111083984375,
  "summary_fg_n": 30709.0,
  "summary_fg_p05": 1757.133349609375,
  "summary_fg_p95": 3808.177734375,
  "summary_fg_stdv": 624.6432495117188,
  "tsnr": 143.78575839847326
}