{
  "bids_meta": {
    "AcquisitionMatrixPE": 256,
    "AcquisitionNumber": 1,
    "AcquisitionTime": "15:20:42.000000",
    "BodyPartExamined": "BRAIN",
    "CoilString": "32Ch Head",
    "ConversionSoftware": "dcm2niix",
    "ConversionSoftwareVersion": "v1.0.20211006",
    "Dcm2bidsVersion": "2.1.6",
    "DeviceSerialNumber": "000301496MR3T6MR",
    "EchoTime": 0.066902,
    "EchoTrainLength": 140,
    "FlipAngle": 90,
    "ImageOrientationPatientDICOM": [
      0,
      1,
      0,
      0,
      0,
      -1
    ],
    "ImageType": [
      "ORIGINAL",
      "PRIMARY",
      "OTHER"
    ],
    "ImagingFrequency": 127.697,
    "InPlanePhaseEncodingDirectionDICOM": "ROW",
    "InstitutionName": "NIH FMRIF",
    "MRAcquisitionType": "3D",
    "MagneticFieldStrength": 3,
    "Manufacturer": "GE",
    "ManufacturersModelName": "DISCOVERY MR750",
    "Modality": "MR",
    "ParallelReductionFactorInPlane": 2,
    "ParallelReductionOutOfPlane": 1.5,
    "PatientPosition": "HFS",
    "PercentPhaseFOV": 100,
    "PercentSampling": 100,
    "PhaseEncodingAxis": "i",
    "PixelBandwidth": 244.141,
    "ProcedureStepDescription": "MRI Brain",
    "ProtocolName": "ADNI3 FMRIF Enhanced Pro",
    "ReconMatrixPE": 256,
    "RepetitionTime": 3.202,
    "SAR": 0.4833,
    "ScanOptions": "SAT_GEMS\\EDR_GEMS\\PROMO_GEMS\\FILTERED_GEMS\\ACC_GEMS\\FS\\FR_GEMS",
    "ScanningSequence": "RM",
    "SequenceVariant": "NONE",
    "SeriesDescription": "Anat T2w CUBE (ABCD)",
    "SeriesNumber": 4,
    "SliceThickness": 1,
    "SoftwareVersions": "27\\LX\\MR Software release:DV26.0_R01_1725.a",
    "SpacingBetweenSlices": 1,
    "StationName": "fmrif3tb",
    "acq_id": "CUBE",
    "dataset": "ds004215",
    "modality": "T2w",
    "rec_id": "SCIC",
    "session_id": "01",
    "subject_id": "ON93426"
  },
  "cjv": 0.5500815793477312,
  "cnr": 1.2955100915423317,
  "efc": 0.4444859768331292,
  "fber": 1321.6464307420842,
  "fwhm_avg": 2.2316,
  "fwhm_x": 1.85592,
  "fwhm_y": 2.49978,
  "fwhm_z": 2.3391,
  "icvs_csf": 0.2517943394825952,
  "icvs_gm": 0.20450197424553618,
  "icvs_wm": 0.5437036862718686,
  "inu_med": 0.7588763236999512,
  "inu_range": 0.20780839920043936,
  "provenance": {
    "md5sum": "b596a8e6594917e6cd718042391703c3",
    "settings": {
      "testing": false
    },
    "software": "mriqc",
    "version": "22.0.6",
    "warnings": {
      "large_rot_frame": true,
      "small_air_mask": false
    },
    "webapi_port": null,
    "webapi_url": "https://mriqc.nimh.nih.gov/api/v1"
  },
  "qi_1": 0.0,
  "qi_2": 0.01710547969848456,
  "rpve_csf": 22.753607225276095,
  "rpve_gm": 39.68044360533397,
  "rpve_wm": 13.882549765715902,
  "size_x": 204,
  "size_y": 256,
  "size_z": 256,
  "snr_csf": 9.931342886706851,
  "snr_gm": 2.106377661269929,
  "snr_total": 6.9725260446748,
  "snr_wm": 8.879857586047619,
  "snrd_csf": 57.152769250534696,
  "snrd_gm": 96.02093490535167,
  "snrd_total": 63.295653747523936,
  "snrd_wm": 36.71325708668544,
  "spacing_x": 1.0,
  "spacing_y": 1.0,
  "spacing_z": 1.0,
  "summary_bg_k": 4.674616675627168,
  "summary_bg_mad": 17.846575153255184,
  "summary_bg_mean": 22.72137127747749,
  "summary_bg_median": 19.77940459176898,
  "summary_bg_n": 3070193.0,
  "summary_bg_p05": 0.0,
  "summary_bg_p95": 64.42889163270593,
  "summary_bg_stdv": 21.675452189740383,
  "summary_csf_k": 0.7484838335270401,
  "summary_csf_mad": 147.96147329703197,
  "summary_csf_mean": 1566.2209353686244,
  "summary_csf_median": 1556.8989780545235,
  "summary_csf_n": 11049.0,
  "summary_csf_p05": 1326.3867213241756,
  "summary_csf_p95": 1835.7514632724226,
  "summary_csf_stdv": 156.75911504884476,
  "summary_gm_k": -1.5176977932756175,
  "summary_gm_mad": 775.1074204226558,
  "summary_gm_mean": 1943.4801876118088,
  "summary_gm_median": 2615.706944499165,
  "summary_gm_n": 53043.0,
  "summary_gm_p05": 83.89543164782228,
  "summary_gm_p95": 3185.544697161764,
  "summary_gm_stdv": 1241.79169576346,
  "summary_wm_k": 0.15101295968867623,
  "summary_wm_mad": 113.60485064517066,
  "summary_wm_mean": 1004.2232795168743,
  "summary_wm_median": 1000.1060874015093,
  "summary_wm_n": 214029.0,
  "summary_wm_p05": 826.4927613064647,
  "summary_wm_p95": 1191.0595349483192,
  "summary_wm_stdv": 112.6261025391138,
  "tpm_overlap_csf": 0.09888060973680508,
  "tpm_overlap_gm": 0.12501296565847891,
  "tpm_overlap_wm": 0.4485929752196919,
  "wm2max": 0.3136068108881092
}