{
  "bids_meta": {
    "AcquisitionMatrixPE": 256,
    "AcquisitionNumber": 1,
    "AcquisitionTime": "15:14:8.000000",
    "BodyPartExamined": "BRAIN",
    "CoilString": "32Ch Head",
    "ConversionSoftware": "dcm2niix",
    "ConversionSoftwareVersion": "v1.0.20211006",
    "Dcm2bidsVersion": "2.1.6",
    "DeviceSerialNumber": "000301496MR3T6MR",
    "EchoTime": 0.00292,
    "FlipAngle": 8,
    "ImageOrientationPatientDICOM": [
      0,
      1,
      0,
      0,
      0,
      -1
    ],
    "ImageType": [
      "ORIGINAL",
      "PRIMARY",
      "OTHER"
    ],
    "ImagingFrequency": 127.697,
    "InPlanePhaseEncodingDirectionDICOM": "ROW",
    "InstitutionName": "NIH FMRIF",
    "InversionTime": 1.06,
    "MRAcquisitionType": "3D",
    "MagneticFieldStrength": 3,
    "Manufacturer": "GE",
    "ManufacturersModelName": "DISCOVERY MR750",
    "Modality": "MR",
    "ParallelReductionFactorInPlane": 2,
    "ParallelReductionOutOfPlane": 2,
    "PatientPosition": "HFS",
    "PercentPhaseFOV": 100,
    "PercentSampling": 100,
    "PixelBandwidth": 244.141,
    "ProcedureStepDescription": "MRI Brain",
    "ProtocolName": "ADNI3 FMRIF Enhanced Pro",
    "ReconMatrixPE": 256,
    "RepetitionTime": 0.006952,
    "SAR": 0.0989115,
    "ScanOptions": "EDR_GEMS\\PROMO_GEMS\\FILTERED_GEMS\\ACC_GEMS\\IR_GEMS",
    "ScanningSequence": "RM",
    "SequenceVariant": "NONE",
    "SeriesDescription": "Anat T1w MP-RAGE 1mm (ABCD)",
    "SeriesNumber": 3,
    "SliceThickness": 1,
    "SoftwareVersions": "27\\LX\\MR Software release:DV26.0_R01_1725.a",
    "SpacingBetweenSlices": 1,
    "StationName": "fmrif3tb",
    "acq_id": "MPRAGE",
    "dataset": "ds004215",
    "modality": "T1w",
    "rec_id": "SCIC",
    "session_id": "01",
    "subject_id": "ON93426"
  },
  "cjv": 0.3682113955062926,
  "cnr": 3.616220322255563,
  "efc": 0.6645230177999346,
  "fber": 9402.072704081635,
  "fwhm_avg": 3.519386666666667,
  "fwhm_x": 3.52582,
  "fwhm_y": 3.59274,
  "fwhm_z": 3.4396,
  "icvs_csf": 0.24237322449469795,
  "icvs_gm": 0.4078383411824291,
  "icvs_wm": 0.3497884343228729,
  "inu_med": 0.4425056129693985,
  "inu_range": 0.06354574114084244,
  "provenance": {
    "md5sum": "59f77807e7963c89bd0574b41725277b",
    "settings": {
      "testing": false
    },
    "software": "mriqc",
    "version": "22.0.6",
    "warnings": {
      "large_rot_frame": true,
      "small_air_mask": false
    },
    "webapi_port": null,
    "webapi_url": "https://mriqc.nimh.nih.gov/api/v1"
  },
  "qi_1": 0.0,
  "qi_2": 0.0020833040989966475,
  "rpve_csf": 28.119921085714523,
  "rpve_gm": 16.518188352645996,
  "rpve_wm": 22.75444514523044,
  "size_x": 208,
  "size_y": 256,
  "size_z": 256,
  "snr_csf": 1.658174708772584,
  "snr_gm": 7.926720032384012,
  "snr_total": 9.894812008183337,
  "snr_wm": 20.099541283393414,
  "snrd_csf": 10.04619510640608,
  "snrd_gm": 38.93796305863812,
  "snrd_total": 36.27617517785377,
  "snrd_wm": 59.844367368517126,
  "spacing_x": 1.0,
  "spacing_y": 1.0,
  "spacing_z": 1.0,
  "summary_bg_k": 7.2518732936368675,
  "summary_bg_mad": 0.0,
  "summary_bg_mean": 6.388091107546341,
  "summary_bg_median": 0.0,
  "summary_bg_n": 901153.0,
  "summary_bg_p05": 0.0,
  "summary_bg_p95": 30.604180946946144,
  "summary_bg_stdv": 10.947073823019329,
  "summary_csf_k": 0.7352037331351222,
  "summary_csf_mad": 89.434013398674,
  "summary_csf_mean": 192.22519685139898,
  "summary_csf_median": 167.8680034726858,
  "summary_csf_n": 43917.0,
  "summary_csf_p05": 68.4834402754903,
  "summary_csf_p95": 391.15400033146136,
  "summary_csf_stdv": 101.23546775713677,
  "summary_gm_k": -0.010470200699547405,
  "summary_gm_mad": 81.09062588430783,
  "summary_gm_mean": 650.3844978067773,
  "summary_gm_median": 650.6381817907095,
  "summary_gm_n": 26488.0,
  "summary_gm_p05": 513.2785715311766,
  "summary_gm_p95": 786.121549814567,
  "summary_gm_stdv": 82.08009078951301,
  "summary_wm_k": 0.41831378269893627,
  "summary_wm_mad": 47.53955694355874,
  "summary_wm_mean": 999.2107827379695,
  "summary_wm_median": 999.9760469347239,
  "summary_wm_n": 181297.0,
  "summary_wm_p05": 916.2575675994158,
  "summary_wm_p95": 1079.0727681145072,
  "summary_wm_stdv": 49.75105028479629,
  "tpm_overlap_csf": 0.14703472943817195,
  "tpm_overlap_gm": 0.4530103495594332,
  "tpm_overlap_wm": 0.5050589428057238,
  "wm2max": 0.714337034059223
}