{
  "bids_meta": {
    "AcquisitionMatrixPE": 256,
    "AcquisitionNumber": 1,
    "AcquisitionTime": "15:14:8.000000",
    "BodyPartExamined": "BRAIN",
    "CoilString": "32Ch Head",
    "ConversionSoftware": "dcm2niix",
    "ConversionSoftwareVersion": "v1.0.20211006",
    "Dcm2bidsVersion": "2.1.6",
    "DeviceSerialNumber": "000301496MR3T6MR",
    "EchoTime": 0.00292,
    "FlipAngle": 8,
    "ImageOrientationPatientDICOM": [
      0,
      1,
      0,
      0,
      0,
      -1
    ],
    "ImageType": [
      "ORIGINAL",
      "PRIMARY",
      "OTHER"
    ],
    "ImagingFrequency": 127.697,
    "InPlanePhaseEncodingDirectionDICOM": "ROW",
    "InstitutionName": "NIH FMRIF",
    "InversionTime": 1.06,
    "MRAcquisitionType": "3D",
    "MagneticFieldStrength": 3,
    "Manufacturer": "GE",
    "ManufacturersModelName": "DISCOVERY MR750",
    "Modality": "MR",
    "ParallelReductionFactorInPlane": 2,
    "ParallelReductionOutOfPlane": 2,
    "PatientPosition": "HFS",
    "PercentPhaseFOV": 100,
    "PercentSampling": 100,
    "PixelBandwidth": 244.141,
    "ProcedureStepDescription": "MRI Brain",
    "ProtocolName": "ADNI3 FMRIF Enhanced Pro",
    "ReconMatrixPE": 256,
    "RepetitionTime": 0.006952,
    "SAR": 0.0989115,
    "ScanOptions": "EDR_GEMS\\PROMO_GEMS\\ACC_GEMS\\IR_GEMS",
    "ScanningSequence": "RM",
    "SequenceVariant": "NONE",
    "SeriesDescription": "ORIG Anat T1w MP-RAGE 1mm (ABCD)",
    "SeriesNumber": 40003,
    "SliceThickness": 1,
    "SoftwareVersions": "27\\LX\\MR Software release:DV26.0_R01_1725.a",
    "SpacingBetweenSlices": 1,
    "StationName": "fmrif3tb",
    "acq_id": "MPRAGE",
    "dataset": "ds004215",
    "modality": "T1w",
    "session_id": "01",
    "subject_id": "ON93426"
  },
  "cjv": 0.37708747044229585,
  "cnr": 3.5806211053065606,
  "efc": 0.42457129459884113,
  "fber": 4587.549151568879,
  "fwhm_avg": 3.8295100000000004,
  "fwhm_x": 3.86434,
  "fwhm_y": 3.81803,
  "fwhm_z": 3.80616,
  "icvs_csf": 0.23456683216054383,
  "icvs_gm": 0.40991373897259653,
  "icvs_wm": 0.3555194288668596,
  "inu_med": 0.8140227794647217,
  "inu_range": 0.4678813576698304,
  "provenance": {
    "md5sum": "96eed4ef8b71bfd6feebe39093430ac0",
    "settings": {
      "testing": false
    },
    "software": "mriqc",
    "version": "22.0.6",
    "warnings": {
      "large_rot_frame": true,
      "small_air_mask": false
    },
    "webapi_port": null,
    "webapi_url": "https://mriqc.nimh.nih.gov/api/v1"
  },
  "qi_1": 0.0,
  "qi_2": 0.0014680437937139297,
  "rpve_csf": 29.25623335649577,
  "rpve_gm": 16.64176979885061,
  "rpve_wm": 22.620663261477507,
  "size_x": 208,
  "size_y": 256,
  "size_z": 256,
  "snr_csf": 1.220821898747578,
  "snr_gm": 7.40959341021124,
  "snr_total": 9.270768391533132,
  "snr_wm": 19.181889865640578,
  "snrd_csf": 7.426085722281053,
  "snrd_gm": 36.132415565194066,
  "snrd_total": 33.41408107130378,
  "snrd_wm": 56.683741926436205,
  "spacing_x": 1.0,
  "spacing_y": 1.0,
  "spacing_z": 1.0,
  "summary_bg_k": 2.5293122556976426,
  "summary_bg_mad": 11.557747968841644,
  "summary_bg_mean": 12.462153684619574,
  "summary_bg_median": 10.160908866673708,
  "summary_bg_n": 3976022.0,
  "summary_bg_p05": 0.0,
  "summary_bg_p95": 34.51377569139004,
  "summary_bg_stdv": 11.593472827735786,
  "summary_csf_k": 0.6478760546347195,
  "summary_csf_mad": 92.88181647609706,
  "summary_csf_mean": 160.5281340112375,
  "summary_csf_median": 131.0090954694897,
  "summary_csf_n": 37766.0,
  "summary_csf_p05": 34.21394559368491,
  "summary_csf_p95": 373.1468852078542,
  "summary_csf_stdv": 107.31078882820205,
  "summary_gm_k": -0.10919126988643368,
  "summary_gm_mad": 86.7818939369862,
  "summary_gm_mean": 637.0209124989495,
  "summary_gm_median": 637.4387877210975,
  "summary_gm_n": 27133.0,
  "summary_gm_p05": 494.7063354313374,
  "summary_gm_p95": 779.7914552204311,
  "summary_gm_stdv": 86.02726300408136,
  "summary_wm_k": 0.5254605715604104,
  "summary_wm_mad": 49.93539827563633,
  "summary_wm_mean": 999.7195782643047,
  "summary_wm_median": 1000.0000047571957,
  "summary_wm_n": 182428.0,
  "summary_wm_p05": 913.8155088946223,
  "summary_wm_p95": 1083.9191176593304,
  "summary_wm_stdv": 52.13236396155794,
  "tpm_overlap_csf": 0.14771233991869506,
  "tpm_overlap_gm": 0.45215636426084926,
  "tpm_overlap_wm": 0.505380134245764,
  "wm2max": 0.5671825104396954
}