{
  "aor": 0.04708222222222222,
  "aqi": 0.0025999022222222227,
  "bids_meta": {
    "AcquisitionMatrixPE": 64,
    "AcquisitionNumber": 1,
    "AcquisitionTime": "15:18:59.000000",
    "BodyPartExamined": "BRAIN",
    "CoilString": "32Ch Head",
    "ConversionSoftware": "dcm2niix",
    "ConversionSoftwareVersion": "v1.0.20211006",
    "Dcm2bidsVersion": "2.1.6",
    "DeviceSerialNumber": "000301496MR3T6MR",
    "EchoTime": 0.0169,
    "EffectiveEchoSpacing": 0.000416,
    "FlipAngle": 90,
    "ImageOrientationPatientDICOM": [
      1,
      0,
      0,
      0,
      1,
      0
    ],
    "ImageType": [
      "ORIGINAL",
      "PRIMARY",
      "OTHER"
    ],
    "ImagingFrequency": 127.697,
    "InPlanePhaseEncodingDirectionDICOM": "COL",
    "InstitutionName": "NIH FMRIF",
    "InternalPulseSequenceName": "EPI",
    "MRAcquisitionType": "2D",
    "MagneticFieldStrength": 3,
    "Manufacturer": "GE",
    "ManufacturersModelName": "DISCOVERY MR750",
    "Modality": "MR",
    "PatientPosition": "HFS",
    "PercentPhaseFOV": 100,
    "PercentSampling": 100,
    "PhaseEncodingDirection": "j-",
    "PhaseEncodingPolarityGE": "Unflipped",
    "PixelBandwidth": 7812.5,
    "ProcedureStepDescription": "MRI Brain",
    "ProtocolName": "ADNI3 FMRIF Enhanced Pro",
    "PulseSequenceName": "epi",
    "ReconMatrixPE": 64,
    "RepetitionTime": 3,
    "SAR": 0.171458,
    "ScanOptions": "MP_GEMS\\EPI_GEMS\\PFF",
    "ScanningSequence": "EP\\GR",
    "SequenceVariant": "SS",
    "SeriesDescription": "Axial rsfMRI reverse blip - RKV",
    "SeriesNumber": 12,
    "SliceThickness": 3.4,
    "SliceTiming": [
      0,
      1.5,
      0.0625,
      1.5625,
      0.125,
      1.625,
      0.1875,
      1.6875,
      0.25,
      1.75,
      0.3125,
      1.8125,
      0.375,
      1.875,
      0.4375,
      1.9375,
      0.5,
      2,
      0.5625,
      2.0625,
      0.625,
      2.125,
      0.6875,
      2.1875,
      0.75,
      2.25,
      0.8125,
      2.3125,
      0.875,
      2.375,
      0.9375,
      2.4375,
      1,
      2.5,
      1.0625,
      2.5625,
      1.125,
      2.625,
      1.1875,
      2.6875,
      1.25,
      2.75,
      1.3125,
      2.8125,
      1.375,
      2.875,
      1.4375,
      2.9375
    ],
    "SoftwareVersions": "27\\LX\\MR Software release:DV26.0_R01_1725.a",
    "SpacingBetweenSlices": 3.4,
    "StationName": "fmrif3tb",
    "TaskName": "Resting state with reverse blip.",
    "TotalReadoutTime": 0.026208,
    "TriggerDelayTime": 29938,
    "dataset": "ds004215",
    "modality": "bold",
    "session_id": "01",
    "subject_id": "ON10965",
    "task_id": "rest"
  },
  "dummy_trs": 1,
  "dvars_nstd": 13.706174731249998,
  "dvars_std": 1.40034493875,
  "dvars_vstd": 1.4920349124999999,
  "efc": 0.4686416215751602,
  "fber": 5801.18603515625,
  "fd_mean": 0.09857076287131553,
  "fd_num": 1,
  "fd_perc": 11.11111111111111,
  "fwhm_avg": 2.493851206036664,
  "fwhm_x": 2.4332654545454546,
  "fwhm_y": 2.406301090909091,
  "fwhm_z": 2.641987072655446,
  "gcor": 0.0482198,
  "gsr_x": 0.013128284364938736,
  "gsr_y": 0.06590580195188522,
  "provenance": {
    "md5sum": "88e897b321598047a1a43b05957bcf03",
    "settings": {
      "fd_thres": 0.2,
      "testing": false
    },
    "software": "mriqc",
    "version": "22.0.6",
    "webapi_port": null,
    "webapi_url": "https://mriqc.nimh.nih.gov/api/v1"
  },
  "size_t": 9,
  "size_x": 64,
  "size_y": 64,
  "size_z": 48,
  "snr": 4.415724387754137,
  "spacing_tr": 3.0,
  "spacing_x": 3.4375,
  "spacing_y": 3.4375,
  "spacing_z": 3.3999977111816406,
  "summary_bg_k": 42.378186090784276,
  "summary_bg_mad": 8.0719457260682,
  "summary_bg_mean": 120.275634765625,
  "summary_bg_median": 32.66666793823242,
  "summary_bg_n": 130578.0,
  "summary_bg_p05": 24.55555534362793,
  "summary_bg_p95": 611.5722137451165,
  "summary_bg_stdv": 249.66958618164062,
  "summary_fg_k": 2.3843041159326317,
  "summary_fg_mad": 492.059243182185,
  "summary_fg_mean": 2592.004150390625,
  "summary_fg_median": 2508.666748046875,
  "summary_fg_n": 29061.0,
  "summary_fg_p05": 1794.2222900390625,
  "summary_fg_p95": 3575.666748046875,
  "summary_fg_stdv": 568.1114501953125,
  "tsnr": 149.3408542610705
}