{
  "aor": 0.004344170854271356,
  "aqi": 0.0013639728844221106,
  "bids_meta": {
    "AcquisitionMatrixPE": 64,
    "AcquisitionNumber": 1,
    "AcquisitionTime": "15:07:30.000000",
    "BodyPartExamined": "BRAIN",
    "CoilString": "32Ch Head",
    "ConversionSoftware": "dcm2niix",
    "ConversionSoftwareVersion": "v1.0.20211006",
    "Dcm2bidsVersion": "2.1.6",
    "DeviceSerialNumber": "000301496MR3T6MR",
    "EchoTime": 0.0169,
    "EffectiveEchoSpacing": 0.000416,
    "FlipAngle": 90,
    "ImageOrientationPatientDICOM": [
      1,
      0,
      0,
      0,
      1,
      0
    ],
    "ImageType": [
      "ORIGINAL",
      "PRIMARY",
      "OTHER"
    ],
    "ImagingFrequency": 127.697,
    "InPlanePhaseEncodingDirectionDICOM": "COL",
    "InstitutionName": "NIH FMRIF",
    "InternalPulseSequenceName": "EPI",
    "MRAcquisitionType": "2D",
    "MagneticFieldStrength": 3,
    "Manufacturer": "GE",
    "ManufacturersModelName": "DISCOVERY MR750",
    "Modality": "MR",
    "PatientPosition": "HFS",
    "PercentPhaseFOV": 100,
    "PercentSampling": 100,
    "PhaseEncodingDirection": "j",
    "PhaseEncodingPolarityGE": "Flipped",
    "PixelBandwidth": 7812.5,
    "ProcedureStepDescription": "MRI Brain",
    "ProtocolName": "ADNI3 FMRIF Enhanced Pro",
    "PulseSequenceName": "epi",
    "ReconMatrixPE": 64,
    "RepetitionTime": 3,
    "SAR": 0.171575,
    "ScanOptions": "MP_GEMS\\EPI_GEMS\\PFF",
    "ScanningSequence": "EP\\GR",
    "SequenceVariant": "SS",
    "SeriesDescription": "Axial rsfMRI with Eyes Open - RKV",
    "SeriesNumber": 11,
    "SliceThickness": 3.4,
    "SliceTiming": [
      0,
      1.5,
      0.0625,
      1.5625,
      0.125,
      1.625,
      0.1875,
      1.6875,
      0.25,
      1.75,
      0.3125,
      1.8125,
      0.375,
      1.875,
      0.4375,
      1.9375,
      0.5,
      2,
      0.5625,
      2.0625,
      0.625,
      2.125,
      0.6875,
      2.1875,
      0.75,
      2.25,
      0.8125,
      2.3125,
      0.875,
      2.375,
      0.9375,
      2.4375,
      1,
      2.5,
      1.0625,
      2.5625,
      1.125,
      2.625,
      1.1875,
      2.6875,
      1.25,
      2.75,
      1.3125,
      2.8125,
      1.375,
      2.875,
      1.4375,
      2.9375
    ],
    "SoftwareVersions": "27\\LX\\MR Software release:DV26.0_R01_1725.a",
    "SpacingBetweenSlices": 3.4,
    "StationName": "fmrif3tb",
    "TaskName": "Resting state with eyes open.",
    "TotalReadoutTime": 0.026208,
    "TriggerDelayTime": 599938,
    "dataset": "ds004215",
    "modality": "bold",
    "session_id": "01",
    "subject_id": "ON10965",
    "task_id": "rest"
  },
  "dummy_trs": 1,
  "dvars_nstd": 10.489349119747475,
  "dvars_std": 1.12550537929293,
  "dvars_vstd": 0.945914096919192,
  "efc": 0.47123839849403754,
  "fber": 5478.529296875,
  "fd_mean": 0.057640522328353906,
  "fd_num": 7,
  "fd_perc": 3.5175879396984926,
  "fwhm_avg": 2.6236121135440986,
  "fwhm_x": 2.526594909090909,
  "fwhm_y": 2.5345483636363637,
  "fwhm_z": 2.8096930679050227,
  "gcor": 0.0366671,
  "gsr_x": 0.01295174565166235,
  "gsr_y": 0.06595432013273239,
  "provenance": {
    "md5sum": "bbbef8e72235e7dd6462e9967e09e899",
    "settings": {
      "fd_thres": 0.2,
      "testing": false
    },
    "software": "mriqc",
    "version": "22.0.6",
    "webapi_port": null,
    "webapi_url": "https://mriqc.nimh.nih.gov/api/v1"
  },
  "size_t": 199,
  "size_x": 64,
  "size_y": 64,
  "size_z": 48,
  "snr": 4.046063753052506,
  "spacing_tr": 3.0,
  "spacing_x": 3.4375,
  "spacing_y": 3.4375,
  "spacing_z": 3.3999977111816406,
  "summary_bg_k": 29.621139938616587,
  "summary_bg_mad": 9.215973571291451,
  "summary_bg_mean": 123.88117218017578,
  "summary_bg_median": 33.115577697753906,
  "summary_bg_n": 129487.0,
  "summary_bg_p05": 22.463818550109863,
  "summary_bg_p95": 636.8477416992188,
  "summary_bg_stdv": 252.7969207763672,
  "summary_fg_k": 1.7530132327983043,
  "summary_fg_mad": 554.0686466150631,
  "summary_fg_mean": 2555.654296875,
  "summary_fg_median": 2473.713623046875,
  "summary_fg_n": 29615.0,
  "summary_fg_p05": 1715.3803466796876,
  "summary_fg_p95": 3633.233203125,
  "summary_fg_stdv": 611.3773803710938,
  "tsnr": 117.21357107162476
}