{
  "aor": 0.00565356783919598,
  "aqi": 0.0034281205879396984,
  "bids_meta": {
    "AcquisitionMatrixPE": 64,
    "AcquisitionNumber": 1,
    "AcquisitionTime": "16:44:30.000000",
    "BodyPartExamined": "BRAIN",
    "CoilString": "32Ch Head",
    "ConversionSoftware": "dcm2niix",
    "ConversionSoftwareVersion": "v1.0.20211006",
    "Dcm2bidsVersion": "2.1.6",
    "DeviceSerialNumber": "000301496MR3T6MR",
    "EchoTime": 0.0169,
    "EffectiveEchoSpacing": 0.000416,
    "FlipAngle": 90,
    "ImageOrientationPatientDICOM": [
      1,
      0,
      0,
      0,
      1,
      0
    ],
    "ImageType": [
      "ORIGINAL",
      "PRIMARY",
      "OTHER"
    ],
    "ImagingFrequency": 127.697,
    "InPlanePhaseEncodingDirectionDICOM": "COL",
    "InstitutionName": "NIH FMRIF",
    "InternalPulseSequenceName": "EPI",
    "MRAcquisitionType": "2D",
    "MagneticFieldStrength": 3,
    "Manufacturer": "GE",
    "ManufacturersModelName": "DISCOVERY MR750",
    "Modality": "MR",
    "PatientPosition": "HFS",
    "PercentPhaseFOV": 100,
    "PercentSampling": 100,
    "PhaseEncodingDirection": "j",
    "PhaseEncodingPolarityGE": "Flipped",
    "PixelBandwidth": 7812.5,
    "ProcedureStepDescription": "MRI Brain",
    "ProtocolName": "ADNI3 FMRIF Enhanced Pro",
    "PulseSequenceName": "epi",
    "ReconMatrixPE": 64,
    "RepetitionTime": 3,
    "SAR": 0.206978,
    "ScanOptions": "MP_GEMS\\EPI_GEMS\\PFF",
    "ScanningSequence": "EP\\GR",
    "SequenceVariant": "SS",
    "SeriesDescription": "Axial rsfMRI with Eyes Open - RKV",
    "SeriesNumber": 10,
    "SliceThickness": 3.4,
    "SliceTiming": [
      0,
      1.5,
      0.0625,
      1.5625,
      0.125,
      1.625,
      0.1875,
      1.6875,
      0.25,
      1.75,
      0.3125,
      1.8125,
      0.375,
      1.875,
      0.4375,
      1.9375,
      0.5,
      2,
      0.5625,
      2.0625,
      0.625,
      2.125,
      0.6875,
      2.1875,
      0.75,
      2.25,
      0.8125,
      2.3125,
      0.875,
      2.375,
      0.9375,
      2.4375,
      1,
      2.5,
      1.0625,
      2.5625,
      1.125,
      2.625,
      1.1875,
      2.6875,
      1.25,
      2.75,
      1.3125,
      2.8125,
      1.375,
      2.875,
      1.4375,
      2.9375
    ],
    "SoftwareVersions": "27\\LX\\MR Software release:DV26.0_R03_1831.b",
    "SpacingBetweenSlices": 3.4,
    "StationName": "FMRI3tb",
    "TaskName": "Resting state with eyes open.",
    "TotalReadoutTime": 0.026208,
    "TriggerDelayTime": 599938,
    "dataset": "ds004215",
    "modality": "bold",
    "session_id": "01",
    "subject_id": "ON23664",
    "task_id": "rest"
  },
  "dummy_trs": 1,
  "dvars_nstd": 10.863806527121218,
  "dvars_std": 1.1093224452525245,
  "dvars_vstd": 0.9657592209090912,
  "efc": 0.4567298120358429,
  "fber": 4764.0380859375,
  "fd_mean": 0.09539752856960387,
  "fd_num": 20,
  "fd_perc": 10.050251256281408,
  "fwhm_avg": 2.5627740465899964,
  "fwhm_x": 2.468887272727273,
  "fwhm_y": 2.4698065454545453,
  "fwhm_z": 2.7496283215881716,
  "gcor": 0.0309946,
  "gsr_x": -0.0014638511929661036,
  "gsr_y": 0.03261381760239601,
  "provenance": {
    "md5sum": "bb7e75d1a1d8f1f478edbcbac9562699",
    "settings": {
      "fd_thres": 0.2,
      "testing": false
    },
    "software": "mriqc",
    "version": "22.0.6",
    "webapi_port": null,
    "webapi_url": "https://mriqc.nimh.nih.gov/api/v1"
  },
  "size_t": 199,
  "size_x": 64,
  "size_y": 64,
  "size_z": 48,
  "snr": 4.788090261580476,
  "spacing_tr": 3.0,
  "spacing_x": 3.4375,
  "spacing_y": 3.4375,
  "spacing_z": 3.3999977111816406,
  "summary_bg_k": 38.73411065228612,
  "summary_bg_mad": 12.129026995665173,
  "summary_bg_mean": 131.73690795898438,
  "summary_bg_median": 35.869346618652344,
  "summary_bg_n": 136578.0,
  "summary_bg_p05": 25.260552883148197,
  "summary_bg_p95": 626.5836395263666,
  "summary_bg_stdv": 240.43397521972656,
  "summary_fg_k": 1.0807311740497862,
  "summary_fg_mad": 473.66534744541764,
  "summary_fg_mean": 2468.50146484375,
  "summary_fg_median": 2433.9423828125,
  "summary_fg_n": 24302.0,
  "summary_fg_p05": 1680.0078063964843,
  "summary_fg_p95": 3316.1964111328125,
  "summary_fg_stdv": 508.3221435546875,
  "tsnr": 104.18643591646105
}