{
  "aor": 0.04031888888888889,
  "aqi": 0.0011938346666666667,
  "bids_meta": {
    "AcquisitionMatrixPE": 64,
    "AcquisitionNumber": 1,
    "AcquisitionTime": "16:55:31.000000",
    "BodyPartExamined": "BRAIN",
    "CoilString": "32Ch Head",
    "ConversionSoftware": "dcm2niix",
    "ConversionSoftwareVersion": "v1.0.20211006",
    "Dcm2bidsVersion": "2.1.6",
    "DeviceSerialNumber": "000301496MR3T6MR",
    "EchoTime": 0.0169,
    "EffectiveEchoSpacing": 0.000416,
    "FlipAngle": 90,
    "ImageOrientationPatientDICOM": [
      1,
      0,
      0,
      0,
      1,
      0
    ],
    "ImageType": [
      "ORIGINAL",
      "PRIMARY",
      "OTHER"
    ],
    "ImagingFrequency": 127.697,
    "InPlanePhaseEncodingDirectionDICOM": "COL",
    "InstitutionName": "NIH FMRIF",
    "InternalPulseSequenceName": "EPI",
    "MRAcquisitionType": "2D",
    "MagneticFieldStrength": 3,
    "Manufacturer": "GE",
    "ManufacturersModelName": "DISCOVERY MR750",
    "Modality": "MR",
    "PatientPosition": "HFS",
    "PercentPhaseFOV": 100,
    "PercentSampling": 100,
    "PhaseEncodingDirection": "j-",
    "PhaseEncodingPolarityGE": "Unflipped",
    "PixelBandwidth": 7812.5,
    "ProcedureStepDescription": "MRI Brain",
    "ProtocolName": "ADNI3 FMRIF Enhanced Pro",
    "PulseSequenceName": "epi",
    "ReconMatrixPE": 64,
    "RepetitionTime": 3,
    "SAR": 0.206978,
    "ScanOptions": "MP_GEMS\\EPI_GEMS\\PFF",
    "ScanningSequence": "EP\\GR",
    "SequenceVariant": "SS",
    "SeriesDescription": "Axial rsfMRI reverse blip - RKV",
    "SeriesNumber": 11,
    "SliceThickness": 3.4,
    "SliceTiming": [
      0,
      1.5,
      0.0625,
      1.5625,
      0.125,
      1.625,
      0.1875,
      1.6875,
      0.25,
      1.75,
      0.3125,
      1.8125,
      0.375,
      1.875,
      0.4375,
      1.9375,
      0.5,
      2,
      0.5625,
      2.0625,
      0.625,
      2.125,
      0.6875,
      2.1875,
      0.75,
      2.25,
      0.8125,
      2.3125,
      0.875,
      2.375,
      0.9375,
      2.4375,
      1,
      2.5,
      1.0625,
      2.5625,
      1.125,
      2.625,
      1.1875,
      2.6875,
      1.25,
      2.75,
      1.3125,
      2.8125,
      1.375,
      2.875,
      1.4375,
      2.9375
    ],
    "SoftwareVersions": "27\\LX\\MR Software release:DV26.0_R03_1831.b",
    "SpacingBetweenSlices": 3.4,
    "StationName": "FMRI3tb",
    "TaskName": "Resting state with reverse blip.",
    "TotalReadoutTime": 0.026208,
    "TriggerDelayTime": 29938,
    "dataset": "ds004215",
    "modality": "bold",
    "session_id": "01",
    "subject_id": "ON23664",
    "task_id": "rest"
  },
  "dummy_trs": 1,
  "dvars_nstd": 10.62359285125,
  "dvars_std": 1.38444289375,
  "dvars_vstd": 1.38367883875,
  "efc": 0.46477961269161605,
  "fber": 4619.1279296875,
  "fd_mean": 0.050300335981897634,
  "fd_num": 0,
  "fd_perc": 0.0,
  "fwhm_avg": 2.5315090366870425,
  "fwhm_x": 2.4787636363636363,
  "fwhm_y": 2.465873454545455,
  "fwhm_z": 2.649890019152037,
  "gcor": 0.0262218,
  "gsr_x": -0.0043466947972774506,
  "gsr_y": 0.038731303066015244,
  "provenance": {
    "md5sum": "5bb15ad9573764fb2679fe86f76e308c",
    "settings": {
      "fd_thres": 0.2,
      "testing": false
    },
    "software": "mriqc",
    "version": "22.0.6",
    "webapi_port": null,
    "webapi_url": "https://mriqc.nimh.nih.gov/api/v1"
  },
  "size_t": 9,
  "size_x": 64,
  "size_y": 64,
  "size_z": 48,
  "snr": 4.851028224093365,
  "spacing_tr": 3.0,
  "spacing_x": 3.4375,
  "spacing_y": 3.4375,
  "spacing_z": 3.3999977111816406,
  "summary_bg_k": 21.694536489928616,
  "summary_bg_mad": 12.025547871630721,
  "summary_bg_mean": 132.65333557128906,
  "summary_bg_median": 35.33333206176758,
  "summary_bg_n": 135152.0,
  "summary_bg_p05": 24.55555534362793,
  "summary_bg_p95": 633.6055572509763,
  "summary_bg_stdv": 236.24539184570312,
  "summary_fg_k": 1.6366273198210655,
  "summary_fg_mad": 447.74586998869177,
  "summary_fg_mean": 2421.013427734375,
  "summary_fg_median": 2372.0,
  "summary_fg_n": 25205.0,
  "summary_fg_p05": 1680.3555908203125,
  "summary_fg_p95": 3241.622314453125,
  "summary_fg_stdv": 488.95880126953125,
  "tsnr": 204.50006129592657
}