{
  "aor": 0.005107185929648241,
  "aqi": 0.004043971809045226,
  "bids_meta": {
    "AcquisitionMatrixPE": 64,
    "AcquisitionNumber": 1,
    "AcquisitionTime": "15:48:44.000000",
    "BodyPartExamined": "BRAIN",
    "CoilString": "32Ch Head",
    "ConversionSoftware": "dcm2niix",
    "ConversionSoftwareVersion": "v1.0.20211006",
    "Dcm2bidsVersion": "2.1.6",
    "DeviceSerialNumber": "000301496MR3T6MR",
    "EchoTime": 0.0169,
    "EffectiveEchoSpacing": 0.000416,
    "FlipAngle": 90,
    "ImageOrientationPatientDICOM": [
      1,
      0,
      0,
      0,
      1,
      0
    ],
    "ImageType": [
      "ORIGINAL",
      "PRIMARY",
      "OTHER"
    ],
    "ImagingFrequency": 127.697,
    "InPlanePhaseEncodingDirectionDICOM": "COL",
    "InstitutionName": "NIH FMRIF",
    "InternalPulseSequenceName": "EPI",
    "MRAcquisitionType": "2D",
    "MagneticFieldStrength": 3,
    "Manufacturer": "GE",
    "ManufacturersModelName": "DISCOVERY MR750",
    "Modality": "MR",
    "PatientPosition": "HFS",
    "PercentPhaseFOV": 100,
    "PercentSampling": 100,
    "PhaseEncodingDirection": "j",
    "PhaseEncodingPolarityGE": "Flipped",
    "PixelBandwidth": 7812.5,
    "ProcedureStepDescription": "MRI Brain",
    "ProtocolName": "ADNI3 FMRIF Enhanced Pro",
    "PulseSequenceName": "epi",
    "ReconMatrixPE": 64,
    "RepetitionTime": 3,
    "SAR": 0.14881,
    "ScanOptions": "MP_GEMS\\EPI_GEMS\\PFF",
    "ScanningSequence": "EP\\GR",
    "SequenceVariant": "SS",
    "SeriesDescription": "Axial rsfMRI with Eyes Open - RKV",
    "SeriesNumber": 10,
    "SliceThickness": 3.4,
    "SliceTiming": [
      0,
      1.5,
      0.0625,
      1.5625,
      0.125,
      1.625,
      0.1875,
      1.6875,
      0.25,
      1.75,
      0.3125,
      1.8125,
      0.375,
      1.875,
      0.4375,
      1.9375,
      0.5,
      2,
      0.5625,
      2.0625,
      0.625,
      2.125,
      0.6875,
      2.1875,
      0.75,
      2.25,
      0.8125,
      2.3125,
      0.875,
      2.375,
      0.9375,
      2.4375,
      1,
      2.5,
      1.0625,
      2.5625,
      1.125,
      2.625,
      1.1875,
      2.6875,
      1.25,
      2.75,
      1.3125,
      2.8125,
      1.375,
      2.875,
      1.4375,
      2.9375
    ],
    "SoftwareVersions": "27\\LX\\MR Software release:DV26.0_R01_1725.a",
    "SpacingBetweenSlices": 3.4,
    "StationName": "fmrif3tb",
    "TaskName": "Resting state with eyes open.",
    "TotalReadoutTime": 0.026208,
    "TriggerDelayTime": 599938,
    "dataset": "ds004215",
    "modality": "bold",
    "session_id": "01",
    "subject_id": "ON22299",
    "task_id": "rest"
  },
  "dummy_trs": 1,
  "dvars_nstd": 13.698641498030307,
  "dvars_std": 1.1747690398989896,
  "dvars_vstd": 0.9465752607575765,
  "efc": 0.4470690303541169,
  "fber": 5387.322265625,
  "fd_mean": 0.11318529647639176,
  "fd_num": 20,
  "fd_perc": 10.050251256281408,
  "fwhm_avg": 2.9383031089959157,
  "fwhm_x": 2.8276654545454547,
  "fwhm_y": 2.604951272727273,
  "fwhm_z": 3.38229259971502,
  "gcor": 0.0441249,
  "gsr_x": -0.00402628630399704,
  "gsr_y": 0.047931984066963196,
  "provenance": {
    "md5sum": "e87cf8fb938d551ef5e813c89e5cd545",
    "settings": {
      "fd_thres": 0.2,
      "testing": false
    },
    "software": "mriqc",
    "version": "22.0.6",
    "webapi_port": null,
    "webapi_url": "https://mriqc.nimh.nih.gov/api/v1"
  },
  "size_t": 199,
  "size_x": 64,
  "size_y": 64,
  "size_z": 48,
  "snr": 3.569716127459756,
  "spacing_tr": 3.0,
  "spacing_x": 3.4375,
  "spacing_y": 3.4375,
  "spacing_z": 3.4000015258789062,
  "summary_bg_k": 38.44354907360128,
  "summary_bg_mad": 10.005698600965262,
  "summary_bg_mean": 121.07974243164062,
  "summary_bg_median": 32.402008056640625,
  "summary_bg_n": 134879.0,
  "summary_bg_p05": 18.859296798706055,
  "summary_bg_p95": 627.5557678222636,
  "summary_bg_stdv": 264.5840759277344,
  "summary_fg_k": 3.3307654814286556,
  "summary_fg_mad": 486.59142357458114,
  "summary_fg_mean": 2479.8564453125,
  "summary_fg_median": 2356.52001953125,
  "summary_fg_n": 26678.0,
  "summary_fg_p05": 1603.5409362792968,
  "summary_fg_p95": 3703.969885253906,
  "summary_fg_stdv": 660.1297607421875,
  "tsnr": 81.79686741577461
}