{
  "bids_meta": {
    "AcquisitionMatrixPE": 256,
    "AcquisitionNumber": 1,
    "AcquisitionTime": "15:57:25.000000",
    "BodyPartExamined": "BRAIN",
    "CoilString": "32Ch Head",
    "ConversionSoftware": "dcm2niix",
    "ConversionSoftwareVersion": "v1.0.20211006",
    "Dcm2bidsVersion": "2.1.6",
    "DeviceSerialNumber": "000301496MR3T6MR",
    "EchoTime": 0.067099,
    "EchoTrainLength": 140,
    "FlipAngle": 90,
    "ImageOrientationPatientDICOM": [
      0,
      1,
      0,
      0,
      0,
      -1
    ],
    "ImageType": [
      "ORIGINAL",
      "PRIMARY",
      "OTHER"
    ],
    "ImagingFrequency": 127.697,
    "InPlanePhaseEncodingDirectionDICOM": "ROW",
    "InstitutionName": "NIH FMRIF",
    "MRAcquisitionType": "3D",
    "MagneticFieldStrength": 3,
    "Manufacturer": "GE",
    "ManufacturersModelName": "DISCOVERY MR750",
    "Modality": "MR",
    "ParallelReductionFactorInPlane": 2,
    "ParallelReductionOutOfPlane": 1.5,
    "PatientPosition": "HFS",
    "PercentPhaseFOV": 100,
    "PercentSampling": 100,
    "PhaseEncodingAxis": "i",
    "PixelBandwidth": 244.141,
    "ProcedureStepDescription": "MRI Brain",
    "ProtocolName": "ADNI3 FMRIF Enhanced Pro",
    "ReconMatrixPE": 256,
    "RepetitionTime": 3.202,
    "SAR": 0.4161,
    "ScanOptions": "SAT_GEMS\\EDR_GEMS\\PROMO_GEMS\\FILTERED_GEMS\\ACC_GEMS\\FS\\FR_GEMS",
    "ScanningSequence": "RM",
    "SequenceVariant": "NONE",
    "SeriesDescription": "Anat T2w CUBE (ABCD)",
    "SeriesNumber": 4,
    "SliceThickness": 1,
    "SoftwareVersions": "27\\LX\\MR Software release:DV26.0_R03_1831.b",
    "SpacingBetweenSlices": 1,
    "StationName": "FMRI3tb",
    "acq_id": "CUBE",
    "dataset": "ds004215",
    "modality": "T2w",
    "rec_id": "SCIC",
    "session_id": "01",
    "subject_id": "ON61373"
  },
  "cjv": 1.4727975746420787,
  "cnr": 0.849300865578946,
  "efc": 0.46844995018741453,
  "fber": 1965.741496426858,
  "fwhm_avg": 2.26299,
  "fwhm_x": 1.89445,
  "fwhm_y": 2.5822,
  "fwhm_z": 2.31232,
  "icvs_csf": 0.3333914733697343,
  "icvs_gm": 0.4701881998035229,
  "icvs_wm": 0.19642032682674282,
  "inu_med": 0.8621840476989746,
  "inu_range": 0.1361810684204101,
  "provenance": {
    "md5sum": "be78dd83e3ad299d8506278f7655e7a8",
    "settings": {
      "testing": false
    },
    "software": "mriqc",
    "version": "22.0.6",
    "warnings": {
      "large_rot_frame": true,
      "small_air_mask": false
    },
    "webapi_port": null,
    "webapi_url": "https://mriqc.nimh.nih.gov/api/v1"
  },
  "qi_1": 0.0,
  "qi_2": 0.0032147138150606562,
  "rpve_csf": 18.602440694745813,
  "rpve_gm": 15.351457652589128,
  "rpve_wm": 38.92734520220959,
  "size_x": 204,
  "size_y": 256,
  "size_z": 256,
  "snr_csf": 11.790655407390359,
  "snr_gm": 12.531968410969915,
  "snr_total": 8.657676010108347,
  "snr_wm": 1.650404211964765,
  "snrd_csf": 65.07223651557013,
  "snrd_gm": 44.14386834770634,
  "snrd_total": 66.7894359549846,
  "snrd_wm": 91.15220300167731,
  "spacing_x": 1.0,
  "spacing_y": 1.0,
  "spacing_z": 1.0,
  "summary_bg_k": 211.00440492177674,
  "summary_bg_mad": 7.194553165253746,
  "summary_bg_mean": 5.5513844937699535,
  "summary_bg_median": 4.950193118304014,
  "summary_bg_n": 3194047.0,
  "summary_bg_p05": 0.0,
  "summary_bg_p95": 15.045660857111216,
  "summary_bg_stdv": 10.036841693189455,
  "summary_csf_k": 0.3643676737729522,
  "summary_csf_mad": 57.95411419046108,
  "summary_csf_mean": 716.7945815385715,
  "summary_csf_median": 714.6079277433455,
  "summary_csf_n": 23125.0,
  "summary_csf_p05": 620.5786436833441,
  "summary_csf_p95": 820.147020433098,
  "summary_csf_stdv": 60.60667977338883,
  "summary_gm_k": 0.15380599586082866,
  "summary_gm_mad": 39.04581617323641,
  "summary_gm_mean": 484.7140824883968,
  "summary_gm_median": 484.77753296494484,
  "summary_gm_n": 163569.0,
  "summary_gm_p05": 421.32727437466383,
  "summary_gm_p95": 546.8378358520567,
  "summary_gm_stdv": 38.68315297248966,
  "summary_wm_k": -1.7785789349606318,
  "summary_wm_mad": 721.2629932000614,
  "summary_wm_mean": 813.3467162632317,
  "summary_wm_median": 1001.0119581595063,
  "summary_wm_n": 50833.0,
  "summary_wm_p05": 36.846018727868795,
  "summary_wm_p95": 1507.3459971174598,
  "summary_wm_stdv": 606.5193634204248,
  "tpm_overlap_csf": 0.1046785154387552,
  "tpm_overlap_gm": 0.3071802112985651,
  "tpm_overlap_wm": 0.04002641749078453,
  "wm2max": 0.6716076044632048
}