{
  "bids_meta": {
    "AcquisitionMatrixPE": 256,
    "AcquisitionNumber": 1,
    "AcquisitionTime": "15:57:25.000000",
    "BodyPartExamined": "BRAIN",
    "CoilString": "32Ch Head",
    "ConversionSoftware": "dcm2niix",
    "ConversionSoftwareVersion": "v1.0.20211006",
    "Dcm2bidsVersion": "2.1.6",
    "DeviceSerialNumber": "000301496MR3T6MR",
    "EchoTime": 0.067099,
    "EchoTrainLength": 140,
    "FlipAngle": 90,
    "ImageOrientationPatientDICOM": [
      0,
      1,
      0,
      0,
      0,
      -1
    ],
    "ImageType": [
      "ORIGINAL",
      "PRIMARY",
      "OTHER"
    ],
    "ImagingFrequency": 127.697,
    "InPlanePhaseEncodingDirectionDICOM": "ROW",
    "InstitutionName": "NIH FMRIF",
    "MRAcquisitionType": "3D",
    "MagneticFieldStrength": 3,
    "Manufacturer": "GE",
    "ManufacturersModelName": "DISCOVERY MR750",
    "Modality": "MR",
    "ParallelReductionFactorInPlane": 2,
    "ParallelReductionOutOfPlane": 1.5,
    "PatientPosition": "HFS",
    "PercentPhaseFOV": 100,
    "PercentSampling": 100,
    "PhaseEncodingAxis": "i",
    "PixelBandwidth": 244.141,
    "ProcedureStepDescription": "MRI Brain",
    "ProtocolName": "ADNI3 FMRIF Enhanced Pro",
    "ReconMatrixPE": 256,
    "RepetitionTime": 3.202,
    "SAR": 0.4161,
    "ScanOptions": "SAT_GEMS\\EDR_GEMS\\PROMO_GEMS\\ACC_GEMS\\FS\\FR_GEMS",
    "ScanningSequence": "RM",
    "SequenceVariant": "NONE",
    "SeriesDescription": "ORIG Anat T2w CUBE (ABCD)",
    "SeriesNumber": 40004,
    "SliceThickness": 1,
    "SoftwareVersions": "27\\LX\\MR Software release:DV26.0_R03_1831.b",
    "SpacingBetweenSlices": 1,
    "StationName": "FMRI3tb",
    "acq_id": "CUBE",
    "dataset": "ds004215",
    "modality": "T2w",
    "session_id": "01",
    "subject_id": "ON61373"
  },
  "cjv": 2.8627186984091986,
  "cnr": 0.5767947829422387,
  "efc": 0.39915117364532055,
  "fber": 6092.968820187607,
  "fwhm_avg": 2.45256,
  "fwhm_x": 2.07095,
  "fwhm_y": 2.72583,
  "fwhm_z": 2.5609,
  "icvs_csf": 0.3221993814651009,
  "icvs_gm": 0.49389342280444243,
  "icvs_wm": 0.18390719573045664,
  "inu_med": 0.8948771953582764,
  "inu_range": 0.5598530888557433,
  "provenance": {
    "md5sum": "08cc9625911af06ad98c866b492c54d5",
    "settings": {
      "testing": false
    },
    "software": "mriqc",
    "version": "22.0.6",
    "warnings": {
      "large_rot_frame": true,
      "small_air_mask": false
    },
    "webapi_port": null,
    "webapi_url": "https://mriqc.nimh.nih.gov/api/v1"
  },
  "qi_1": 0.0,
  "qi_2": 0.005866051118713072,
  "rpve_csf": 18.989440971499523,
  "rpve_gm": 14.821499626610418,
  "rpve_wm": 40.95395890196464,
  "size_x": 204,
  "size_y": 256,
  "size_z": 256,
  "snr_csf": 10.474064790335056,
  "snr_gm": 11.860800264867656,
  "snr_total": 7.87624867802113,
  "snr_wm": 1.293880978860677,
  "snrd_csf": 66.47051677088622,
  "snrd_gm": 44.23007840110984,
  "snrd_total": 63.54304330846633,
  "snrd_wm": 79.92853475340293,
  "spacing_x": 1.0,
  "spacing_y": 1.0,
  "spacing_z": 1.0,
  "summary_bg_k": 206.189158485515,
  "summary_bg_mad": 8.204801969283514,
  "summary_bg_mean": 7.014823890311573,
  "summary_bg_median": 5.683623880147934,
  "summary_bg_n": 3864274.0,
  "summary_bg_p05": 0.0,
  "summary_bg_p95": 17.873501412570477,
  "summary_bg_stdv": 9.90236384085862,
  "summary_csf_k": 0.6762032713297095,
  "summary_csf_mad": 72.06920648694978,
  "summary_csf_mean": 839.2067301594332,
  "summary_csf_median": 832.4639371298254,
  "summary_csf_n": 26963.0,
  "summary_csf_p05": 721.1583897348494,
  "summary_csf_p95": 981.9918551187961,
  "summary_csf_stdv": 79.4771195802969,
  "summary_gm_k": -0.03997256342767441,
  "summary_gm_mad": 48.00917909053732,
  "summary_gm_mean": 554.4104206852478,
  "summary_gm_median": 553.9289747402072,
  "summary_gm_n": 181125.0,
  "summary_gm_p05": 478.84531190246344,
  "summary_gm_p95": 630.6952893845737,
  "summary_gm_stdv": 46.70236689208521,
  "summary_wm_k": -1.6879400517026515,
  "summary_wm_mad": 1231.8567713409752,
  "summary_wm_mean": 943.8927460062695,
  "summary_wm_median": 1001.0095597598702,
  "summary_wm_n": 45832.0,
  "summary_wm_p05": 33.87738970667124,
  "summary_wm_p95": 2018.1725768633187,
  "summary_wm_stdv": 773.6404318732275,
  "tpm_overlap_csf": 0.10634144709634222,
  "tpm_overlap_gm": 0.3184562690864283,
  "tpm_overlap_wm": 0.03657395246690869,
  "wm2max": 0.5022890594217311
}