{
  "bids_meta": {
    "AcquisitionMatrixPE": 256,
    "AcquisitionNumber": 1,
    "AcquisitionTime": "15:50:51.000000",
    "BodyPartExamined": "BRAIN",
    "CoilString": "32Ch Head",
    "ConversionSoftware": "dcm2niix",
    "ConversionSoftwareVersion": "v1.0.20211006",
    "Dcm2bidsVersion": "2.1.6",
    "DeviceSerialNumber": "000301496MR3T6MR",
    "EchoTime": 0.00292,
    "FlipAngle": 8,
    "ImageOrientationPatientDICOM": [
      0,
      1,
      0,
      0,
      0,
      -1
    ],
    "ImageType": [
      "ORIGINAL",
      "PRIMARY",
      "OTHER"
    ],
    "ImagingFrequency": 127.697,
    "InPlanePhaseEncodingDirectionDICOM": "ROW",
    "InstitutionName": "NIH FMRIF",
    "InversionTime": 1.06,
    "MRAcquisitionType": "3D",
    "MagneticFieldStrength": 3,
    "Manufacturer": "GE",
    "ManufacturersModelName": "DISCOVERY MR750",
    "Modality": "MR",
    "ParallelReductionFactorInPlane": 2,
    "ParallelReductionOutOfPlane": 2,
    "PatientPosition": "HFS",
    "PercentPhaseFOV": 100,
    "PercentSampling": 100,
    "PixelBandwidth": 244.141,
    "ProcedureStepDescription": "MRI Brain",
    "ProtocolName": "ADNI3 FMRIF Enhanced Pro",
    "ReconMatrixPE": 256,
    "RepetitionTime": 0.006952,
    "SAR": 0.130217,
    "ScanOptions": "EDR_GEMS\\PROMO_GEMS\\FILTERED_GEMS\\ACC_GEMS\\IR_GEMS",
    "ScanningSequence": "RM",
    "SequenceVariant": "NONE",
    "SeriesDescription": "Anat T1w MP-RAGE 1mm (ABCD)",
    "SeriesNumber": 3,
    "SliceThickness": 1,
    "SoftwareVersions": "27\\LX\\MR Software release:DV26.0_R03_1831.b",
    "SpacingBetweenSlices": 1,
    "StationName": "FMRI3tb",
    "acq_id": "MPRAGE",
    "dataset": "ds004215",
    "modality": "T1w",
    "rec_id": "SCIC",
    "session_id": "01",
    "subject_id": "ON61373"
  },
  "cjv": 0.34734346846857433,
  "cnr": 3.7983159864679656,
  "efc": 0.6428020560096566,
  "fber": 4416.9316,
  "fwhm_avg": 3.4438099999999996,
  "fwhm_x": 3.3689,
  "fwhm_y": 3.60807,
  "fwhm_z": 3.35446,
  "icvs_csf": 0.23089445344436874,
  "icvs_gm": 0.42002379640759385,
  "icvs_wm": 0.34908175014803744,
  "inu_med": 0.4644613564014435,
  "inu_range": 0.06601786911487578,
  "provenance": {
    "md5sum": "c33684ff4a2ae3c8f0f2e8708be24ca2",
    "settings": {
      "testing": false
    },
    "software": "mriqc",
    "version": "22.0.6",
    "warnings": {
      "large_rot_frame": true,
      "small_air_mask": false
    },
    "webapi_port": null,
    "webapi_url": "https://mriqc.nimh.nih.gov/api/v1"
  },
  "qi_1": 0.0,
  "qi_2": 0.002493564087727271,
  "rpve_csf": 28.340527969146724,
  "rpve_gm": 15.80139543495431,
  "rpve_wm": 22.395099457146255,
  "size_x": 208,
  "size_y": 256,
  "size_z": 256,
  "snr_csf": 1.641500563536193,
  "snr_gm": 8.003116206964869,
  "snr_total": 10.024748380032321,
  "snr_wm": 20.4296283695959,
  "snrd_csf": 16.90447149871978,
  "snrd_gm": 57.162448278781596,
  "snrd_total": 54.4661449779644,
  "snrd_wm": 89.33151515639182,
  "spacing_x": 1.0,
  "spacing_y": 1.0,
  "spacing_z": 1.0,
  "summary_bg_k": 7.099951360823425,
  "summary_bg_mad": 7.333765479932587,
  "summary_bg_mean": 9.858072906819217,
  "summary_bg_median": 4.946549646556377,
  "summary_bg_n": 1046624.0,
  "summary_bg_p05": 0.0,
  "summary_bg_p95": 40.86399624682963,
  "summary_bg_stdv": 14.139389949655035,
  "summary_csf_k": 0.31629212069197266,
  "summary_csf_mad": 103.81352468260128,
  "summary_csf_mean": 218.80176308857753,
  "summary_csf_median": 189.2330048121512,
  "summary_csf_n": 35272.0,
  "summary_csf_p05": 76.20434538833797,
  "summary_csf_p95": 442.5911555840633,
  "summary_csf_stdv": 115.27886527407962,
  "summary_gm_k": 0.09871380018841647,
  "summary_gm_mad": 77.73791408728542,
  "summary_gm_mean": 641.4225124772846,
  "summary_gm_median": 639.8911584448069,
  "summary_gm_n": 25737.0,
  "summary_gm_p05": 512.5669705424458,
  "summary_gm_p95": 777.6910392653195,
  "summary_gm_stdv": 79.95369683875467,
  "summary_wm_k": 0.42518190392898525,
  "summary_wm_mad": 47.34353048712036,
  "summary_wm_mean": 999.4767403721204,
  "summary_wm_median": 999.9999727141112,
  "summary_wm_n": 191844.0,
  "summary_wm_p05": 918.9040393419564,
  "summary_wm_p95": 1078.4027846120298,
  "summary_wm_stdv": 48.948387524990174,
  "tpm_overlap_csf": 0.14938376467586004,
  "tpm_overlap_gm": 0.46460370546137114,
  "tpm_overlap_wm": 0.510008118345216,
  "wm2max": 0.6403695556533217
}