{
  "aor": 0.004227185929648242,
  "aqi": 0.009759625326633166,
  "bids_meta": {
    "AcquisitionMatrixPE": 64,
    "AcquisitionNumber": 1,
    "AcquisitionTime": "10:10:24.000000",
    "BodyPartExamined": "BRAIN",
    "CoilString": "32Ch Head",
    "ConversionSoftware": "dcm2niix",
    "ConversionSoftwareVersion": "v1.0.20211006",
    "Dcm2bidsVersion": "2.1.6",
    "DeviceSerialNumber": "000301496mr3T5mr",
    "EchoTime": 0.0169,
    "EffectiveEchoSpacing": 0.000416,
    "FlipAngle": 90,
    "ImageOrientationPatientDICOM": [
      1,
      0,
      0,
      0,
      1,
      0
    ],
    "ImageType": [
      "ORIGINAL",
      "PRIMARY",
      "OTHER"
    ],
    "ImagingFrequency": 127.824,
    "InPlanePhaseEncodingDirectionDICOM": "COL",
    "InstitutionName": "NIH FMRIF",
    "InternalPulseSequenceName": "EPI",
    "MRAcquisitionType": "2D",
    "MagneticFieldStrength": 3,
    "Manufacturer": "GE",
    "ManufacturersModelName": "DISCOVERY MR750",
    "Modality": "MR",
    "PatientPosition": "HFS",
    "PercentPhaseFOV": 100,
    "PercentSampling": 100,
    "PhaseEncodingDirection": "j",
    "PhaseEncodingPolarityGE": "Flipped",
    "PixelBandwidth": 7812.5,
    "ProcedureStepDescription": "MRI Brain",
    "ProtocolName": "ADNI3 FMRIF Enhanced Pro",
    "PulseSequenceName": "epi",
    "ReconMatrixPE": 64,
    "RepetitionTime": 3,
    "SAR": 0.148991,
    "ScanOptions": "MP_GEMS\\EPI_GEMS\\PFF",
    "ScanningSequence": "EP\\GR",
    "SequenceVariant": "SS",
    "SeriesDescription": "Axial rsfMRI with Eyes Open - RKV",
    "SeriesNumber": 10,
    "SliceThickness": 3.4,
    "SliceTiming": [
      0,
      1.5,
      0.0625,
      1.5625,
      0.125,
      1.625,
      0.1875,
      1.6875,
      0.25,
      1.75,
      0.3125,
      1.8125,
      0.375,
      1.875,
      0.4375,
      1.9375,
      0.5,
      2,
      0.5625,
      2.0625,
      0.625,
      2.125,
      0.6875,
      2.1875,
      0.75,
      2.25,
      0.8125,
      2.3125,
      0.875,
      2.375,
      0.9375,
      2.4375,
      1,
      2.5,
      1.0625,
      2.5625,
      1.125,
      2.625,
      1.1875,
      2.6875,
      1.25,
      2.75,
      1.3125,
      2.8125,
      1.375,
      2.875,
      1.4375,
      2.9375
    ],
    "SoftwareVersions": "27\\LX\\MR Software release:DV26.0_R03_1831.b",
    "SpacingBetweenSlices": 3.4,
    "StationName": "FMRI3ta",
    "TaskName": "Resting state with eyes open.",
    "TotalReadoutTime": 0.026208,
    "TriggerDelayTime": 599938,
    "dataset": "ds004215",
    "modality": "bold",
    "session_id": "01",
    "subject_id": "ON52083",
    "task_id": "rest"
  },
  "dummy_trs": 1,
  "dvars_nstd": 17.840492686666668,
  "dvars_std": 1.1051417535858585,
  "dvars_vstd": 0.8967547906060604,
  "efc": 0.4589880222948902,
  "fber": 5188.4765625,
  "fd_mean": 0.19538720717763558,
  "fd_num": 65,
  "fd_perc": 32.663316582914575,
  "fwhm_avg": 2.7399165133655443,
  "fwhm_x": 2.6196276363636364,
  "fwhm_y": 2.5973585454545454,
  "fwhm_z": 3.0027633582784503,
  "gcor": 0.0741459,
  "gsr_x": -0.006441188044846058,
  "gsr_y": 0.05799570679664612,
  "provenance": {
    "md5sum": "6cf5143465542ff12ee55ccd8016bfd9",
    "settings": {
      "fd_thres": 0.2,
      "testing": false
    },
    "software": "mriqc",
    "version": "22.0.6",
    "webapi_port": null,
    "webapi_url": "https://mriqc.nimh.nih.gov/api/v1"
  },
  "size_t": 199,
  "size_x": 64,
  "size_y": 64,
  "size_z": 48,
  "snr": 4.245023486520216,
  "spacing_tr": 3.0,
  "spacing_x": 3.4375,
  "spacing_y": 3.4375,
  "spacing_z": 3.4000015258789062,
  "summary_bg_k": 49.701465824855234,
  "summary_bg_mad": 9.491637003344756,
  "summary_bg_mean": 113.22034454345703,
  "summary_bg_median": 32.256282806396484,
  "summary_bg_n": 132257.0,
  "summary_bg_p05": 19.949748992919922,
  "summary_bg_p95": 513.8160644531249,
  "summary_bg_stdv": 237.28836059570312,
  "summary_fg_k": 2.724358140851744,
  "summary_fg_mad": 467.4368616849355,
  "summary_fg_mean": 2383.79541015625,
  "summary_fg_median": 2314.03271484375,
  "summary_fg_n": 27882.0,
  "summary_fg_p05": 1611.3386779785155,
  "summary_fg_p95": 3338.502038574218,
  "summary_fg_stdv": 545.1068115234375,
  "tsnr": 52.61030100565404
}