{
  "bids_meta": {
    "AcquisitionMatrixPE": 256,
    "AcquisitionNumber": 1,
    "AcquisitionTime": "14:19:32.000000",
    "BodyPartExamined": "BRAIN",
    "CoilString": "32Ch Head",
    "ConversionSoftware": "dcm2niix",
    "ConversionSoftwareVersion": "v1.0.20211006",
    "Dcm2bidsVersion": "2.1.6",
    "DeviceSerialNumber": "000301496MR3T6MR",
    "EchoTime": 0.003036,
    "FlipAngle": 11,
    "ImageOrientationPatientDICOM": [
      0,
      1,
      0,
      0,
      0,
      -1
    ],
    "ImageType": [
      "ORIGINAL",
      "PRIMARY",
      "OTHER"
    ],
    "ImagingFrequency": 127.697,
    "InPlanePhaseEncodingDirectionDICOM": "ROW",
    "InstitutionName": "NIH FMRIF",
    "InversionTime": 0.4,
    "MRAcquisitionType": "3D",
    "MagneticFieldStrength": 3,
    "Manufacturer": "GE",
    "ManufacturersModelName": "DISCOVERY MR750",
    "Modality": "MR",
    "ParallelReductionFactorInPlane": 1.72974,
    "PatientPosition": "HFS",
    "PercentPhaseFOV": 100,
    "PercentSampling": 100,
    "PixelBandwidth": 244.141,
    "ProcedureStepDescription": "MRI Brain",
    "ProtocolName": "ADNI3 FMRIF Enhanced Pro",
    "ReconMatrixPE": 256,
    "RepetitionTime": 0.007348,
    "SAR": 0.190864,
    "ScanOptions": "FAST_GEMS\\EDR_GEMS\\FILTERED_GEMS\\ACC_GEMS\\IR_GEMS",
    "ScanningSequence": "GR",
    "SequenceVariant": "SS\\SP\\SK",
    "SeriesDescription": "Accelerated Sagittal IR-FSPGR",
    "SeriesNumber": 3,
    "SliceThickness": 1.2,
    "SoftwareVersions": "27\\LX\\MR Software release:DV26.0_R01_1725.a",
    "SpacingBetweenSlices": 1.2,
    "SpoilingState": true,
    "StationName": "fmrif3tb",
    "acq_id": "FSPGR",
    "dataset": "ds004215",
    "modality": "T1w",
    "rec_id": "SCIC",
    "session_id": "01",
    "subject_id": "ON10965"
  },
  "cjv": 0.3180609010854232,
  "cnr": 4.170115975326304,
  "efc": 0.5664467152406205,
  "fber": -1.0,
  "fwhm_avg": 3.6177950875065434,
  "fwhm_x": 3.3947336332540723,
  "fwhm_y": 3.9544040323052982,
  "fwhm_z": 3.5042475969602593,
  "icvs_csf": 0.22100250284176798,
  "icvs_gm": 0.42629828574772527,
  "icvs_wm": 0.3526992114105067,
  "inu_med": 0.4518018215894699,
  "inu_range": 0.0904955342411995,
  "provenance": {
    "md5sum": "846529ac8a34c288e5960551ecfb9496",
    "settings": {
      "testing": false
    },
    "software": "mriqc",
    "version": "22.0.6",
    "warnings": {
      "large_rot_frame": true,
      "small_air_mask": false
    },
    "webapi_port": null,
    "webapi_url": "https://mriqc.nimh.nih.gov/api/v1"
  },
  "qi_1": 0.0,
  "qi_2": 0.0036867655725725946,
  "rpve_csf": 31.541322640735636,
  "rpve_gm": 17.246375493819034,
  "rpve_wm": 25.310095211702528,
  "size_x": 196,
  "size_y": 256,
  "size_z": 256,
  "snr_csf": 1.9744893016357776,
  "snr_gm": 8.952501897950361,
  "snr_total": 11.753073974447958,
  "snr_wm": 24.332230723757732,
  "snrd_csf": 14.89850799223898,
  "snrd_gm": 45.5845577839037,
  "snrd_total": 43.53982568910027,
  "snrd_wm": 70.13641129115813,
  "spacing_x": 1.1999969482421875,
  "spacing_y": 1.0547000169754028,
  "spacing_z": 1.0547000169754028,
  "summary_bg_k": 12.714340079686359,
  "summary_bg_mad": 0.0,
  "summary_bg_mean": 5.254361839883778,
  "summary_bg_median": 0.0,
  "summary_bg_n": 1021813.0,
  "summary_bg_p05": 0.0,
  "summary_bg_p95": 23.321224339306355,
  "summary_bg_stdv": 9.3412537681364,
  "summary_csf_k": 8.282701193016804,
  "summary_csf_mad": 98.16832112162402,
  "summary_csf_mean": 221.82128622912202,
  "summary_csf_median": 212.43018083274364,
  "summary_csf_n": 18563.0,
  "summary_csf_p05": 69.1472348459065,
  "summary_csf_p95": 414.51230081543247,
  "summary_csf_stdv": 107.58450740084974,
  "summary_gm_k": 0.11026679664603023,
  "summary_gm_mad": 71.72947829447277,
  "summary_gm_mean": 649.4554450733264,
  "summary_gm_median": 649.9668193794787,
  "summary_gm_n": 30848.0,
  "summary_gm_p05": 529.0050586313009,
  "summary_gm_p95": 766.3444165159016,
  "summary_gm_stdv": 72.60051901822736,
  "summary_wm_k": 0.29914175072704285,
  "summary_wm_mad": 39.614826930496065,
  "summary_wm_mean": 1000.4019049043119,
  "summary_wm_median": 1000.0391006469727,
  "summary_wm_n": 172608.0,
  "summary_wm_p05": 933.2786778733134,
  "summary_wm_p95": 1068.4402125701308,
  "summary_wm_stdv": 41.09924055651719,
  "tpm_overlap_csf": 0.1530810559771521,
  "tpm_overlap_gm": 0.4631566102938197,
  "tpm_overlap_wm": 0.5263852877320381,
  "wm2max": 0.45811635439594856
}