{
  "bids_meta": {
    "AcquisitionMatrixPE": 256,
    "AcquisitionNumber": 1,
    "AcquisitionTime": "14:53:18.000000",
    "BodyPartExamined": "BRAIN",
    "CoilString": "32Ch Head",
    "ConversionSoftware": "dcm2niix",
    "ConversionSoftwareVersion": "v1.0.20211006",
    "Dcm2bidsVersion": "2.1.6",
    "DeviceSerialNumber": "000301496MR3T6MR",
    "EchoTime": 0.003036,
    "FlipAngle": 11,
    "ImageOrientationPatientDICOM": [
      0,
      1,
      0,
      0,
      0,
      -1
    ],
    "ImageType": [
      "ORIGINAL",
      "PRIMARY",
      "OTHER"
    ],
    "ImagingFrequency": 127.697,
    "InPlanePhaseEncodingDirectionDICOM": "ROW",
    "InstitutionName": "NIH FMRIF",
    "InversionTime": 0.4,
    "MRAcquisitionType": "3D",
    "MagneticFieldStrength": 3,
    "Manufacturer": "GE",
    "ManufacturersModelName": "DISCOVERY MR750",
    "Modality": "MR",
    "ParallelReductionFactorInPlane": 1.72974,
    "PatientPosition": "HFS",
    "PercentPhaseFOV": 100,
    "PercentSampling": 100,
    "PixelBandwidth": 244.141,
    "ProcedureStepDescription": "MRI Brain",
    "ProtocolName": "ADNI3 FMRIF Enhanced Pro",
    "ReconMatrixPE": 256,
    "RepetitionTime": 0.007348,
    "SAR": 0.161023,
    "ScanOptions": "FAST_GEMS\\EDR_GEMS\\FILTERED_GEMS\\ACC_GEMS\\IR_GEMS",
    "ScanningSequence": "GR",
    "SequenceVariant": "SS\\SP\\SK",
    "SeriesDescription": "Accelerated Sagittal IR-FSPGR",
    "SeriesNumber": 3,
    "SliceThickness": 1.2,
    "SoftwareVersions": "27\\LX\\MR Software release:DV26.0_R01_1725.a",
    "SpacingBetweenSlices": 1.2,
    "SpoilingState": true,
    "StationName": "fmrif3tb",
    "acq_id": "FSPGR",
    "dataset": "ds004215",
    "modality": "T1w",
    "rec_id": "SCIC",
    "session_id": "01",
    "subject_id": "ON55820"
  },
  "cjv": 0.2875068714216708,
  "cnr": 4.715923381170297,
  "efc": 0.5538569650683738,
  "fber": -1.0,
  "fwhm_avg": 3.594553156650305,
  "fwhm_x": 3.397966974810218,
  "fwhm_y": 3.8746657193761154,
  "fwhm_z": 3.5110267757645834,
  "icvs_csf": 0.2165090322327002,
  "icvs_gm": 0.46962389801390697,
  "icvs_wm": 0.3138670697533928,
  "inu_med": 0.5365368127822876,
  "inu_range": 0.12682547718286508,
  "provenance": {
    "md5sum": "77f61867b5017856c5e0eb4181b0807d",
    "settings": {
      "testing": false
    },
    "software": "mriqc",
    "version": "22.0.6",
    "warnings": {
      "large_rot_frame": true,
      "small_air_mask": false
    },
    "webapi_port": null,
    "webapi_url": "https://mriqc.nimh.nih.gov/api/v1"
  },
  "qi_1": 0.0,
  "qi_2": 0.009814223403014228,
  "rpve_csf": 35.81438627561972,
  "rpve_gm": 18.047867324786846,
  "rpve_wm": 30.634358131893922,
  "size_x": 196,
  "size_y": 256,
  "size_z": 256,
  "snr_csf": 2.0911131215138847,
  "snr_gm": 9.627946674892618,
  "snr_total": 11.49264257876384,
  "snr_wm": 22.758867939885018,
  "snrd_csf": 17.9820562512779,
  "snrd_gm": 50.68753710885452,
  "snrd_total": 49.820039835721616,
  "snrd_wm": 80.79052614703242,
  "spacing_x": 1.1999969482421875,
  "spacing_y": 1.0547000169754028,
  "spacing_z": 1.0547000169754028,
  "summary_bg_k": 13.134447372724143,
  "summary_bg_mad": 0.0,
  "summary_bg_mean": 4.455746373625688,
  "summary_bg_median": 0.0,
  "summary_bg_n": 995946.0,
  "summary_bg_p05": 0.0,
  "summary_bg_p95": 21.92439302802086,
  "summary_bg_stdv": 8.109074337973151,
  "summary_csf_k": 1.0305214820525004,
  "summary_csf_mad": 99.75626501611005,
  "summary_csf_mean": 232.30041895149182,
  "summary_csf_median": 222.57629234343767,
  "summary_csf_n": 18914.0,
  "summary_csf_p05": 79.17546585202217,
  "summary_csf_p95": 431.5864112600679,
  "summary_csf_stdv": 106.43633100120194,
  "summary_gm_k": -0.005251058963619215,
  "summary_gm_mad": 65.6042554774418,
  "summary_gm_mean": 626.429297848367,
  "summary_gm_median": 627.3945493251085,
  "summary_gm_n": 37670.0,
  "summary_gm_p05": 516.5871373526752,
  "summary_gm_p95": 731.2094638533889,
  "summary_gm_stdv": 65.1630345436616,
  "summary_wm_k": 0.2808010222437356,
  "summary_wm_mad": 41.522364166380854,
  "summary_wm_mean": 999.1858554822584,
  "summary_wm_median": 999.9999730288982,
  "summary_wm_n": 122890.0,
  "summary_wm_p05": 924.5028521865606,
  "summary_wm_p95": 1070.871848165989,
  "summary_wm_stdv": 43.93873662709414,
  "tpm_overlap_csf": 0.1496374343841516,
  "tpm_overlap_gm": 0.4669851043509632,
  "tpm_overlap_wm": 0.4924360687399736,
  "wm2max": 0.47604847518160853
}