{
  "bids_meta": {
    "AcquisitionMatrixPE": 256,
    "AcquisitionNumber": 1,
    "AcquisitionTime": "14:59:19.000000",
    "BodyPartExamined": "BRAIN",
    "CoilString": "32Ch Head",
    "ConversionSoftware": "dcm2niix",
    "ConversionSoftwareVersion": "v1.0.20211006",
    "Dcm2bidsVersion": "2.1.6",
    "DeviceSerialNumber": "000301496MR3T6MR",
    "EchoTime": 0.067246,
    "EchoTrainLength": 140,
    "FlipAngle": 90,
    "ImageOrientationPatientDICOM": [
      0,
      1,
      0,
      0,
      0,
      -1
    ],
    "ImageType": [
      "ORIGINAL",
      "PRIMARY",
      "OTHER"
    ],
    "ImagingFrequency": 127.697,
    "InPlanePhaseEncodingDirectionDICOM": "ROW",
    "InstitutionName": "NIH FMRIF",
    "MRAcquisitionType": "3D",
    "MagneticFieldStrength": 3,
    "Manufacturer": "GE",
    "ManufacturersModelName": "DISCOVERY MR750",
    "Modality": "MR",
    "ParallelReductionFactorInPlane": 2,
    "ParallelReductionOutOfPlane": 1.5,
    "PatientPosition": "HFS",
    "PercentPhaseFOV": 100,
    "PercentSampling": 100,
    "PhaseEncodingAxis": "i",
    "PixelBandwidth": 244.141,
    "ProcedureStepDescription": "MRI Brain",
    "ProtocolName": "ADNI3 FMRIF Enhanced Pro",
    "ReconMatrixPE": 256,
    "RepetitionTime": 3.202,
    "SAR": 0.4438,
    "ScanOptions": "SAT_GEMS\\EDR_GEMS\\PROMO_GEMS\\ACC_GEMS\\FS\\FR_GEMS",
    "ScanningSequence": "RM",
    "SequenceVariant": "NONE",
    "SeriesDescription": "Sag_CUBE_T2",
    "SeriesNumber": 4,
    "SliceThickness": 1,
    "SoftwareVersions": "27\\LX\\MR Software release:DV26.0_R01_1725.a",
    "SpacingBetweenSlices": 1,
    "StationName": "fmrif3tb",
    "acq_id": "CUBE",
    "dataset": "ds004215",
    "modality": "T2w",
    "session_id": "01",
    "subject_id": "ON55820"
  },
  "cjv": 0.8719020638410563,
  "cnr": 1.1713070879822487,
  "efc": 0.3348745289440444,
  "fber": -1.0,
  "fwhm_avg": 2.3164066666666665,
  "fwhm_x": 1.95655,
  "fwhm_y": 2.57105,
  "fwhm_z": 2.42162,
  "icvs_csf": 0.30634416077355753,
  "icvs_gm": 0.2051746847881777,
  "icvs_wm": 0.4884811544382648,
  "inu_med": 0.875491738319397,
  "inu_range": 0.5344509482383728,
  "provenance": {
    "md5sum": "2f042a185bb5a9806977e1beebc2a7d8",
    "settings": {
      "testing": false
    },
    "software": "mriqc",
    "version": "22.0.6",
    "warnings": {
      "large_rot_frame": true,
      "small_air_mask": false
    },
    "webapi_port": null,
    "webapi_url": "https://mriqc.nimh.nih.gov/api/v1"
  },
  "qi_1": 0.0,
  "qi_2": 0.01949476400914862,
  "rpve_csf": 22.336343151315866,
  "rpve_gm": 42.985664719281345,
  "rpve_wm": 16.61366833038228,
  "size_x": 236,
  "size_y": 256,
  "size_z": 256,
  "snr_csf": 11.459221823233609,
  "snr_gm": 1.9415916573086813,
  "snr_total": 7.826265072307431,
  "snr_wm": 10.077981736380003,
  "snrd_csf": 128.82917582214134,
  "snrd_gm": 217.54638796782476,
  "snrd_total": 144.1006263690648,
  "snrd_wm": 85.92631531722834,
  "spacing_x": 1.0,
  "spacing_y": 1.0,
  "spacing_z": 1.0,
  "summary_bg_k": 10.417892228561174,
  "summary_bg_mad": 0.0,
  "summary_bg_mean": 4.572124671952722,
  "summary_bg_median": 0.0,
  "summary_bg_n": 5348996.0,
  "summary_bg_p05": 0.0,
  "summary_bg_p95": 20.386338755488396,
  "summary_bg_stdv": 7.625417279240805,
  "summary_csf_k": 1.0811461808020253,
  "summary_csf_mad": 118.91736812889374,
  "summary_csf_mean": 1506.4546199463396,
  "summary_csf_median": 1499.4987660348415,
  "summary_csf_n": 23149.0,
  "summary_csf_p05": 1308.0008626431227,
  "summary_csf_p95": 1734.2558118611573,
  "summary_csf_stdv": 130.85237382030732,
  "summary_gm_k": -1.3617844946769113,
  "summary_gm_mad": 1235.353259245658,
  "summary_gm_mean": 2020.8781047318066,
  "summary_gm_median": 2532.116954341531,
  "summary_gm_n": 57307.0,
  "summary_gm_p05": 78.40385363996029,
  "summary_gm_p95": 3833.480559809506,
  "summary_gm_stdv": 1304.1335711096567,
  "summary_wm_k": 0.20834473466002112,
  "summary_wm_mad": 100.38607826214114,
  "summary_wm_mean": 1001.9757466594752,
  "summary_wm_median": 1000.1337272077799,
  "summary_wm_n": 187488.0,
  "summary_wm_p05": 842.457094013691,
  "summary_wm_p95": 1163.4249586164951,
  "summary_wm_stdv": 99.23922132146035,
  "tpm_overlap_csf": 0.09734667664424883,
  "tpm_overlap_gm": 0.11657960656690079,
  "tpm_overlap_wm": 0.4552003780540023,
  "wm2max": 0.27233428227775547
}