{
  "bids_meta": {
    "AcquisitionMatrixPE": 256,
    "AcquisitionNumber": 1,
    "AcquisitionTime": "16:19:43.000000",
    "BodyPartExamined": "BRAIN",
    "CoilString": "32Ch Head",
    "ConversionSoftware": "dcm2niix",
    "ConversionSoftwareVersion": "v1.0.20211006",
    "Dcm2bidsVersion": "2.1.6",
    "DeviceSerialNumber": "000301496MR3T6MR",
    "EchoTime": 0.003036,
    "FlipAngle": 11,
    "ImageOrientationPatientDICOM": [
      0,
      1,
      0,
      0,
      0,
      -1
    ],
    "ImageType": [
      "ORIGINAL",
      "PRIMARY",
      "OTHER"
    ],
    "ImagingFrequency": 127.697,
    "InPlanePhaseEncodingDirectionDICOM": "ROW",
    "InstitutionName": "NIH FMRIF",
    "InversionTime": 0.4,
    "MRAcquisitionType": "3D",
    "MagneticFieldStrength": 3,
    "Manufacturer": "GE",
    "ManufacturersModelName": "DISCOVERY MR750",
    "Modality": "MR",
    "ParallelReductionFactorInPlane": 1.72974,
    "PatientPosition": "HFS",
    "PercentPhaseFOV": 100,
    "PercentSampling": 100,
    "PixelBandwidth": 244.141,
    "ProcedureStepDescription": "MRI Brain",
    "ProtocolName": "ADNI3 FMRIF Enhanced Pro",
    "ReconMatrixPE": 256,
    "RepetitionTime": 0.007348,
    "SAR": 0.178471,
    "ScanOptions": "FAST_GEMS\\EDR_GEMS\\FILTERED_GEMS\\ACC_GEMS\\IR_GEMS",
    "ScanningSequence": "GR",
    "SequenceVariant": "SS\\SP\\SK",
    "SeriesDescription": "Accelerated Sagittal IR-FSPGR",
    "SeriesNumber": 3,
    "SliceThickness": 1.2,
    "SoftwareVersions": "27\\LX\\MR Software release:DV26.0_R01_1725.a",
    "SpacingBetweenSlices": 1.2,
    "SpoilingState": true,
    "StationName": "fmrif3tb",
    "acq_id": "FSPGR",
    "dataset": "ds004215",
    "modality": "T1w",
    "rec_id": "SCIC",
    "session_id": "01",
    "subject_id": "ON66557"
  },
  "cjv": 0.30766393711878237,
  "cnr": 4.393370018757471,
  "efc": 0.5313616371838149,
  "fber": -1.0,
  "fwhm_avg": 3.727358334772152,
  "fwhm_x": 3.473361750176429,
  "fwhm_y": 3.995477322627442,
  "fwhm_z": 3.713235931512586,
  "icvs_csf": 0.2406753794624467,
  "icvs_gm": 0.4451941591644961,
  "icvs_wm": 0.31413046137305717,
  "inu_med": 0.5192369818687439,
  "inu_range": 0.1258428692817688,
  "provenance": {
    "md5sum": "b3d0ebd7bcd6416b6afb16a643ffb603",
    "settings": {
      "testing": false
    },
    "software": "mriqc",
    "version": "22.0.6",
    "warnings": {
      "large_rot_frame": true,
      "small_air_mask": false
    },
    "webapi_port": null,
    "webapi_url": "https://mriqc.nimh.nih.gov/api/v1"
  },
  "qi_1": 0.0,
  "qi_2": 0.0034395082629121118,
  "rpve_csf": 34.27990797546012,
  "rpve_gm": 19.05371215635803,
  "rpve_wm": 30.77952170471197,
  "size_x": 196,
  "size_y": 256,
  "size_z": 256,
  "snr_csf": 2.2261787297883626,
  "snr_gm": 10.057346437099598,
  "snr_total": 12.412662400337668,
  "snr_wm": 24.954462034125047,
  "snrd_csf": 15.153318967095947,
  "snrd_gm": 49.084705578132585,
  "snrd_total": 46.203428513849836,
  "snrd_wm": 74.37226099632096,
  "spacing_x": 1.2000045776367188,
  "spacing_y": 1.0547000169754028,
  "spacing_z": 1.0547000169754028,
  "summary_bg_k": 16.018632401131505,
  "summary_bg_mad": 0.0,
  "summary_bg_mean": 4.8208691988343375,
  "summary_bg_median": 0.0,
  "summary_bg_n": 1192653.0,
  "summary_bg_p05": 0.0,
  "summary_bg_p95": 21.85525331646204,
  "summary_bg_stdv": 8.80888133468616,
  "summary_csf_k": 1.143169832547004,
  "summary_csf_mad": 86.18275933422669,
  "summary_csf_mean": 212.37377368456703,
  "summary_csf_median": 203.74961398541927,
  "summary_csf_n": 28397.0,
  "summary_csf_p05": 83.78312605246902,
  "summary_csf_p95": 380.8819034844634,
  "summary_csf_stdv": 91.52276216975177,
  "summary_gm_k": -0.06707038801118781,
  "summary_gm_mad": 66.30637519948613,
  "summary_gm_mean": 658.7580529115205,
  "summary_gm_median": 659.9867551028728,
  "summary_gm_n": 29884.0,
  "summary_gm_p05": 548.63144645188,
  "summary_gm_p95": 764.4101778976619,
  "summary_gm_stdv": 65.62125672624165,
  "summary_wm_k": 0.3202128796743571,
  "summary_wm_mad": 38.30344859298964,
  "summary_wm_mean": 999.0332888407994,
  "summary_wm_median": 1000.0000331364572,
  "summary_wm_n": 122296.0,
  "summary_wm_p05": 931.9205699302256,
  "summary_wm_p95": 1063.6805156432092,
  "summary_wm_stdv": 40.07283119625331,
  "tpm_overlap_csf": 0.15629912377950475,
  "tpm_overlap_gm": 0.47816012773902156,
  "tpm_overlap_wm": 0.5155745984243247,
  "wm2max": 0.49876825068350217
}