{
  "aor": 0.0033145226130653262,
  "aqi": 0.0014831019748743717,
  "bids_meta": {
    "AcquisitionMatrixPE": 64,
    "AcquisitionNumber": 1,
    "AcquisitionTime": "15:39:39.000000",
    "BodyPartExamined": "BRAIN",
    "CoilString": "32Ch Head",
    "ConversionSoftware": "dcm2niix",
    "ConversionSoftwareVersion": "v1.0.20211006",
    "Dcm2bidsVersion": "2.1.6",
    "DeviceSerialNumber": "000301496MR3T6MR",
    "EchoTime": 0.0169,
    "EffectiveEchoSpacing": 0.000416,
    "FlipAngle": 90,
    "ImageOrientationPatientDICOM": [
      1,
      0,
      0,
      0,
      1,
      0
    ],
    "ImageType": [
      "ORIGINAL",
      "PRIMARY",
      "OTHER"
    ],
    "ImagingFrequency": 127.697,
    "InPlanePhaseEncodingDirectionDICOM": "COL",
    "InstitutionName": "NIH FMRIF",
    "InternalPulseSequenceName": "EPI",
    "MRAcquisitionType": "2D",
    "MagneticFieldStrength": 3,
    "Manufacturer": "GE",
    "ManufacturersModelName": "DISCOVERY MR750",
    "Modality": "MR",
    "PatientPosition": "HFS",
    "PercentPhaseFOV": 100,
    "PercentSampling": 100,
    "PhaseEncodingDirection": "j",
    "PhaseEncodingPolarityGE": "Flipped",
    "PixelBandwidth": 7812.5,
    "ProcedureStepDescription": "MRI Brain",
    "ProtocolName": "ADNI3 FMRIF Enhanced Pro",
    "PulseSequenceName": "epi",
    "ReconMatrixPE": 64,
    "RepetitionTime": 3,
    "SAR": 0.151058,
    "ScanOptions": "MP_GEMS\\EPI_GEMS\\PFF",
    "ScanningSequence": "EP\\GR",
    "SequenceVariant": "SS",
    "SeriesDescription": "Axial rsfMRI with Eyes Open - RKV",
    "SeriesNumber": 11,
    "SliceThickness": 3.4,
    "SliceTiming": [
      0,
      1.5,
      0.0625,
      1.5625,
      0.125,
      1.625,
      0.1875,
      1.6875,
      0.25,
      1.75,
      0.3125,
      1.8125,
      0.375,
      1.875,
      0.4375,
      1.9375,
      0.5,
      2,
      0.5625,
      2.0625,
      0.625,
      2.125,
      0.6875,
      2.1875,
      0.75,
      2.25,
      0.8125,
      2.3125,
      0.875,
      2.375,
      0.9375,
      2.4375,
      1,
      2.5,
      1.0625,
      2.5625,
      1.125,
      2.625,
      1.1875,
      2.6875,
      1.25,
      2.75,
      1.3125,
      2.8125,
      1.375,
      2.875,
      1.4375,
      2.9375
    ],
    "SoftwareVersions": "27\\LX\\MR Software release:DV26.0_R01_1725.a",
    "SpacingBetweenSlices": 3.4,
    "StationName": "fmrif3tb",
    "TaskName": "Resting state with eyes open.",
    "TotalReadoutTime": 0.026208,
    "TriggerDelayTime": 599938,
    "dataset": "ds004215",
    "modality": "bold",
    "session_id": "01",
    "subject_id": "ON30535",
    "task_id": "rest"
  },
  "dummy_trs": 1,
  "dvars_nstd": 16.928226495303022,
  "dvars_std": 1.356894843737374,
  "dvars_vstd": 0.9706320207070703,
  "efc": 0.4332691978509232,
  "fber": 5680.5400390625,
  "fd_mean": 0.13532453657855564,
  "fd_num": 31,
  "fd_perc": 15.577889447236181,
  "fwhm_avg": 2.9249743018969085,
  "fwhm_x": 2.985309090909091,
  "fwhm_y": 2.5536116363636365,
  "fwhm_z": 3.236002178417999,
  "gcor": 0.0524777,
  "gsr_x": -0.002620033221319318,
  "gsr_y": 0.020064912736415863,
  "provenance": {
    "md5sum": "0ed3ea4c32661734536c41159656ca00",
    "settings": {
      "fd_thres": 0.2,
      "testing": false
    },
    "software": "mriqc",
    "version": "22.0.6",
    "webapi_port": null,
    "webapi_url": "https://mriqc.nimh.nih.gov/api/v1"
  },
  "size_t": 199,
  "size_x": 64,
  "size_y": 64,
  "size_z": 48,
  "snr": 3.5092200658600152,
  "spacing_tr": 3.0,
  "spacing_x": 3.4375,
  "spacing_y": 3.4375,
  "spacing_z": 3.3999977111816406,
  "summary_bg_k": 26.785670151998094,
  "summary_bg_mad": 9.361253816072423,
  "summary_bg_mean": 112.09571838378906,
  "summary_bg_median": 33.68844223022461,
  "summary_bg_n": 136796.0,
  "summary_bg_p05": 24.879396438598633,
  "summary_bg_p95": 536.8869171142578,
  "summary_bg_stdv": 226.1454315185547,
  "summary_fg_k": 2.3112927951118944,
  "summary_fg_mad": 539.2201826972074,
  "summary_fg_mean": 2675.81787109375,
  "summary_fg_median": 2512.299072265625,
  "summary_fg_n": 24570.0,
  "summary_fg_p05": 1784.8658020019532,
  "summary_fg_p95": 4102.1290283203125,
  "summary_fg_stdv": 715.8992309570312,
  "tsnr": 122.24938696948811
}