{
  "aor": 0.031132222222222228,
  "aqi": 0.0011169908888888887,
  "bids_meta": {
    "AcquisitionMatrixPE": 64,
    "AcquisitionNumber": 1,
    "AcquisitionTime": "15:50:34.000000",
    "BodyPartExamined": "BRAIN",
    "CoilString": "32Ch Head",
    "ConversionSoftware": "dcm2niix",
    "ConversionSoftwareVersion": "v1.0.20211006",
    "Dcm2bidsVersion": "2.1.6",
    "DeviceSerialNumber": "000301496MR3T6MR",
    "EchoTime": 0.0169,
    "EffectiveEchoSpacing": 0.000416,
    "FlipAngle": 90,
    "ImageOrientationPatientDICOM": [
      1,
      0,
      0,
      0,
      1,
      0
    ],
    "ImageType": [
      "ORIGINAL",
      "PRIMARY",
      "OTHER"
    ],
    "ImagingFrequency": 127.697,
    "InPlanePhaseEncodingDirectionDICOM": "COL",
    "InstitutionName": "NIH FMRIF",
    "InternalPulseSequenceName": "EPI",
    "MRAcquisitionType": "2D",
    "MagneticFieldStrength": 3,
    "Manufacturer": "GE",
    "ManufacturersModelName": "DISCOVERY MR750",
    "Modality": "MR",
    "PatientPosition": "HFS",
    "PercentPhaseFOV": 100,
    "PercentSampling": 100,
    "PhaseEncodingDirection": "j-",
    "PhaseEncodingPolarityGE": "Unflipped",
    "PixelBandwidth": 7812.5,
    "ProcedureStepDescription": "MRI Brain",
    "ProtocolName": "ADNI3 FMRIF Enhanced Pro",
    "PulseSequenceName": "epi",
    "ReconMatrixPE": 64,
    "RepetitionTime": 3,
    "SAR": 0.151058,
    "ScanOptions": "MP_GEMS\\EPI_GEMS\\PFF",
    "ScanningSequence": "EP\\GR",
    "SequenceVariant": "SS",
    "SeriesDescription": "Axial rsfMRI reverse blip - RKV",
    "SeriesNumber": 12,
    "SliceThickness": 3.4,
    "SliceTiming": [
      0,
      1.5,
      0.0625,
      1.5625,
      0.125,
      1.625,
      0.1875,
      1.6875,
      0.25,
      1.75,
      0.3125,
      1.8125,
      0.375,
      1.875,
      0.4375,
      1.9375,
      0.5,
      2,
      0.5625,
      2.0625,
      0.625,
      2.125,
      0.6875,
      2.1875,
      0.75,
      2.25,
      0.8125,
      2.3125,
      0.875,
      2.375,
      0.9375,
      2.4375,
      1,
      2.5,
      1.0625,
      2.5625,
      1.125,
      2.625,
      1.1875,
      2.6875,
      1.25,
      2.75,
      1.3125,
      2.8125,
      1.375,
      2.875,
      1.4375,
      2.9375
    ],
    "SoftwareVersions": "27\\LX\\MR Software release:DV26.0_R01_1725.a",
    "SpacingBetweenSlices": 3.4,
    "StationName": "fmrif3tb",
    "TaskName": "Resting state with reverse blip.",
    "TotalReadoutTime": 0.026208,
    "TriggerDelayTime": 29938,
    "dataset": "ds004215",
    "modality": "bold",
    "session_id": "01",
    "subject_id": "ON30535",
    "task_id": "rest"
  },
  "dummy_trs": 1,
  "dvars_nstd": 17.272149801250002,
  "dvars_std": 1.54988891,
  "dvars_vstd": 1.3050918275,
  "efc": 0.44308848926038014,
  "fber": 5763.9931640625,
  "fd_mean": 0.0870480006078948,
  "fd_num": 1,
  "fd_perc": 11.11111111111111,
  "fwhm_avg": 2.833792861683166,
  "fwhm_x": 2.8693090909090913,
  "fwhm_y": 2.697611636363636,
  "fwhm_z": 2.9344578577767706,
  "gcor": 0.0905766,
  "gsr_x": -0.0035545132122933865,
  "gsr_y": 0.021967576816678047,
  "provenance": {
    "md5sum": "f44a882b6426a35dcf38ab9f83b30a40",
    "settings": {
      "fd_thres": 0.2,
      "testing": false
    },
    "software": "mriqc",
    "version": "22.0.6",
    "webapi_port": null,
    "webapi_url": "https://mriqc.nimh.nih.gov/api/v1"
  },
  "size_t": 9,
  "size_x": 64,
  "size_y": 64,
  "size_z": 48,
  "snr": 4.129406965632537,
  "spacing_tr": 3.0,
  "spacing_x": 3.4375,
  "spacing_y": 3.4375,
  "spacing_z": 3.3999977111816406,
  "summary_bg_k": 20.36012453512168,
  "summary_bg_mad": 8.56614458034386,
  "summary_bg_mean": 111.21778869628906,
  "summary_bg_median": 33.11111068725586,
  "summary_bg_n": 135465.0,
  "summary_bg_p05": 24.55555534362793,
  "summary_bg_p95": 546.1111450195312,
  "summary_bg_stdv": 217.49151611328125,
  "summary_fg_k": 0.8813354681441297,
  "summary_fg_mad": 500.1310277214123,
  "summary_fg_mean": 2630.378173828125,
  "summary_fg_median": 2511.22216796875,
  "summary_fg_n": 25631.0,
  "summary_fg_p05": 1788.0555419921875,
  "summary_fg_p95": 3817.111083984375,
  "summary_fg_stdv": 608.1195678710938,
  "tsnr": 170.2076096991077
}