{
  "aor": 0.03329777777777778,
  "aqi": 0.0009582834444444443,
  "bids_meta": {
    "AcquisitionMatrixPE": 64,
    "AcquisitionNumber": 1,
    "AcquisitionTime": "11:07:22.000000",
    "BodyPartExamined": "BRAIN",
    "CoilString": "32Ch Head",
    "ConversionSoftware": "dcm2niix",
    "ConversionSoftwareVersion": "v1.0.20211006",
    "Dcm2bidsVersion": "2.1.6",
    "DeviceSerialNumber": "000301496mr3T5mr",
    "EchoTime": 0.0169,
    "EffectiveEchoSpacing": 0.000416,
    "FlipAngle": 90,
    "ImageOrientationPatientDICOM": [
      1,
      0,
      0,
      0,
      1,
      0
    ],
    "ImageType": [
      "ORIGINAL",
      "PRIMARY",
      "OTHER"
    ],
    "ImagingFrequency": 127.824,
    "InPlanePhaseEncodingDirectionDICOM": "COL",
    "InstitutionName": "NIH FMRIF",
    "InternalPulseSequenceName": "EPI",
    "MRAcquisitionType": "2D",
    "MagneticFieldStrength": 3,
    "Manufacturer": "GE",
    "ManufacturersModelName": "DISCOVERY MR750",
    "Modality": "MR",
    "PatientPosition": "HFS",
    "PercentPhaseFOV": 100,
    "PercentSampling": 100,
    "PhaseEncodingDirection": "j-",
    "PhaseEncodingPolarityGE": "Unflipped",
    "PixelBandwidth": 7812.5,
    "ProcedureStepDescription": "MRI Brain",
    "ProtocolName": "ADNI3 FMRIF Enhanced Pro",
    "PulseSequenceName": "epi",
    "ReconMatrixPE": 64,
    "RepetitionTime": 3,
    "SAR": 0.210243,
    "ScanOptions": "MP_GEMS\\EPI_GEMS\\PFF",
    "ScanningSequence": "EP\\GR",
    "SequenceVariant": "SS",
    "SeriesDescription": "Axial rsfMRI reverse blip - RKV",
    "SeriesNumber": 11,
    "SliceThickness": 3.4,
    "SliceTiming": [
      0,
      1.5,
      0.0625,
      1.5625,
      0.125,
      1.625,
      0.1875,
      1.6875,
      0.25,
      1.75,
      0.3125,
      1.8125,
      0.375,
      1.875,
      0.4375,
      1.9375,
      0.5,
      2,
      0.5625,
      2.0625,
      0.625,
      2.125,
      0.6875,
      2.1875,
      0.75,
      2.25,
      0.8125,
      2.3125,
      0.875,
      2.375,
      0.9375,
      2.4375,
      1,
      2.5,
      1.0625,
      2.5625,
      1.125,
      2.625,
      1.1875,
      2.6875,
      1.25,
      2.75,
      1.3125,
      2.8125,
      1.375,
      2.875,
      1.4375,
      2.9375
    ],
    "SoftwareVersions": "27\\LX\\MR Software release:DV26.0_R03_1831.b",
    "SpacingBetweenSlices": 3.4,
    "StationName": "FMRI3ta",
    "TaskName": "Resting state with reverse blip.",
    "TotalReadoutTime": 0.026208,
    "TriggerDelayTime": 29938,
    "dataset": "ds004215",
    "modality": "bold",
    "session_id": "01",
    "subject_id": "ON80038",
    "task_id": "rest"
  },
  "dummy_trs": 1,
  "dvars_nstd": 12.967139243750001,
  "dvars_std": 1.20499680875,
  "dvars_vstd": 1.31093178625,
  "efc": 0.5246789887691444,
  "fber": 3156.68896484375,
  "fd_mean": 0.12113427166200089,
  "fd_num": 0,
  "fd_perc": 0.0,
  "fwhm_avg": 2.7231819487968685,
  "fwhm_x": 2.7300770909090906,
  "fwhm_y": 2.6331374545454547,
  "fwhm_z": 2.80633130093606,
  "gcor": 0.0338061,
  "gsr_x": -0.012505676597356796,
  "gsr_y": 0.07011888176202774,
  "provenance": {
    "md5sum": "94f29b2882001152d13dc788f39f9aef",
    "settings": {
      "fd_thres": 0.2,
      "testing": false
    },
    "software": "mriqc",
    "version": "22.0.6",
    "webapi_port": null,
    "webapi_url": "https://mriqc.nimh.nih.gov/api/v1"
  },
  "size_t": 9,
  "size_x": 64,
  "size_y": 64,
  "size_z": 48,
  "snr": 3.958002167704387,
  "spacing_tr": 3.0,
  "spacing_x": 3.4375,
  "spacing_y": 3.4375,
  "spacing_z": 3.3999977111816406,
  "summary_bg_k": 9.497666287608908,
  "summary_bg_mad": 23.88636844751485,
  "summary_bg_mean": 197.30860900878906,
  "summary_bg_median": 45.11111068725586,
  "summary_bg_n": 124748.0,
  "summary_bg_p05": 25.22222328186035,
  "summary_bg_p95": 904.6277862548822,
  "summary_bg_stdv": 320.4107971191406,
  "summary_fg_k": 1.2303833843349805,
  "summary_fg_mad": 561.5768540902735,
  "summary_fg_mean": 2549.253173828125,
  "summary_fg_median": 2453.111083984375,
  "summary_fg_n": 33540.0,
  "summary_fg_p05": 1704.983331298828,
  "summary_fg_p95": 3685.5667724609375,
  "summary_fg_stdv": 619.7759399414062,
  "tsnr": 160.07024049013853
}