{
  "aor": 0.03078875,
  "aqi": 0.001172825875,
  "bids_meta": {
    "AcquisitionMatrixPE": 64,
    "AcquisitionNumber": 1,
    "AcquisitionTime": "10:03:35.000000",
    "BodyPartExamined": "BRAIN",
    "CoilString": "32Ch Head",
    "ConversionSoftware": "dcm2niix",
    "ConversionSoftwareVersion": "v1.0.20211006",
    "Dcm2bidsVersion": "2.1.6",
    "DeviceSerialNumber": "000301496mr3T5mr",
    "EchoTime": 0.0169,
    "EffectiveEchoSpacing": 0.000416,
    "FlipAngle": 90,
    "ImageOrientationPatientDICOM": [
      1,
      0,
      0,
      0,
      1,
      0
    ],
    "ImageType": [
      "ORIGINAL",
      "PRIMARY",
      "OTHER"
    ],
    "ImagingFrequency": 127.824,
    "InPlanePhaseEncodingDirectionDICOM": "COL",
    "InstitutionName": "NIH FMRIF",
    "InternalPulseSequenceName": "EPI",
    "MRAcquisitionType": "2D",
    "MagneticFieldStrength": 3,
    "Manufacturer": "GE",
    "ManufacturersModelName": "DISCOVERY MR750",
    "Modality": "MR",
    "PatientPosition": "HFS",
    "PercentPhaseFOV": 100,
    "PercentSampling": 100,
    "PhaseEncodingDirection": "j",
    "PhaseEncodingPolarityGE": "Flipped",
    "PixelBandwidth": 7812.5,
    "ProcedureStepDescription": "MRI Brain",
    "ProtocolName": "ADNI3 FMRIF Enhanced Pro",
    "PulseSequenceName": "epi",
    "ReconMatrixPE": 64,
    "RepetitionTime": 3,
    "SAR": 0.148347,
    "ScanOptions": "MP_GEMS\\EPI_GEMS\\PFF",
    "ScanningSequence": "EP\\GR",
    "SequenceVariant": "SS",
    "SeriesDescription": "Axial rsfMRI reverse blip - RKV",
    "SeriesNumber": 11,
    "SliceThickness": 3.4,
    "SliceTiming": [
      0,
      1.5,
      0.0625,
      1.5625,
      0.125,
      1.625,
      0.1875,
      1.6875,
      0.25,
      1.75,
      0.3125,
      1.8125,
      0.375,
      1.875,
      0.4375,
      1.9375,
      0.5,
      2,
      0.5625,
      2.0625,
      0.625,
      2.125,
      0.6875,
      2.1875,
      0.75,
      2.25,
      0.8125,
      2.3125,
      0.875,
      2.375,
      0.9375,
      2.4375,
      1,
      2.5,
      1.0625,
      2.5625,
      1.125,
      2.625,
      1.1875,
      2.6875,
      1.25,
      2.75,
      1.3125,
      2.8125,
      1.375,
      2.875,
      1.4375,
      2.9375
    ],
    "SoftwareVersions": "27\\LX\\MR Software release:DV26.0_R03_1831.b",
    "SpacingBetweenSlices": 3.4,
    "StationName": "FMRI3ta",
    "TaskName": "Resting state with reverse blip.",
    "TotalReadoutTime": 0.026208,
    "TriggerDelayTime": 29938,
    "dataset": "ds004215",
    "modality": "bold",
    "session_id": "01",
    "subject_id": "ON42941",
    "task_id": "rest"
  },
  "dummy_trs": 2,
  "dvars_nstd": 14.252285138571429,
  "dvars_std": 1.2717775257142858,
  "dvars_vstd": 1.0748258485714286,
  "efc": 0.4485534384940332,
  "fber": 5554.35693359375,
  "fd_mean": 0.09410875416747229,
  "fd_num": 0,
  "fd_perc": 0.0,
  "fwhm_avg": 2.6380589545979825,
  "fwhm_x": 2.655746909090909,
  "fwhm_y": 2.416901818181818,
  "fwhm_z": 2.8415281365212217,
  "gcor": 0.0645481,
  "gsr_x": -0.0014429606962949038,
  "gsr_y": 0.0249604731798172,
  "provenance": {
    "md5sum": "33888d3e5a3f10540c01aca6a2e068c4",
    "settings": {
      "fd_thres": 0.2,
      "testing": false
    },
    "software": "mriqc",
    "version": "22.0.6",
    "webapi_port": null,
    "webapi_url": "https://mriqc.nimh.nih.gov/api/v1"
  },
  "size_t": 8,
  "size_x": 64,
  "size_y": 64,
  "size_z": 48,
  "snr": 4.295416152615238,
  "spacing_tr": 3.0,
  "spacing_x": 3.4375,
  "spacing_y": 3.4375,
  "spacing_z": 3.4000015258789062,
  "summary_bg_k": 22.478909027350088,
  "summary_bg_mad": 9.451589142973212,
  "summary_bg_mean": 119.30840301513672,
  "summary_bg_median": 32.625,
  "summary_bg_n": 135751.0,
  "summary_bg_p05": 23.75,
  "summary_bg_p95": 606.0,
  "summary_bg_stdv": 234.79202270507812,
  "summary_fg_k": 1.654525679009013,
  "summary_fg_mad": 484.996250728645,
  "summary_fg_mean": 2495.040283203125,
  "summary_fg_median": 2413.875,
  "summary_fg_n": 25138.0,
  "summary_fg_p05": 1727.60625,
  "summary_fg_p95": 3532.375,
  "summary_fg_stdv": 561.9541625976562,
  "tsnr": 214.375799998641
}