{
  "aor": 0.033051111111111114,
  "aqi": 0.0006026159999999999,
  "bids_meta": {
    "AcquisitionMatrixPE": 64,
    "AcquisitionNumber": 1,
    "AcquisitionTime": "12:54:35.000000",
    "BodyPartExamined": "BRAIN",
    "CoilString": "32Ch Head",
    "ConversionSoftware": "dcm2niix",
    "ConversionSoftwareVersion": "v1.0.20211006",
    "Dcm2bidsVersion": "2.1.6",
    "DeviceSerialNumber": "000301496MR3T6MR",
    "EchoTime": 0.0169,
    "EffectiveEchoSpacing": 0.000416,
    "FlipAngle": 90,
    "ImageOrientationPatientDICOM": [
      1,
      0,
      0,
      0,
      1,
      0
    ],
    "ImageType": [
      "ORIGINAL",
      "PRIMARY",
      "OTHER"
    ],
    "ImagingFrequency": 127.697,
    "InPlanePhaseEncodingDirectionDICOM": "COL",
    "InstitutionName": "NIH FMRIF",
    "InternalPulseSequenceName": "EPI",
    "MRAcquisitionType": "2D",
    "MagneticFieldStrength": 3,
    "Manufacturer": "GE",
    "ManufacturersModelName": "DISCOVERY MR750",
    "Modality": "MR",
    "PatientPosition": "HFS",
    "PercentPhaseFOV": 100,
    "PercentSampling": 100,
    "PhaseEncodingDirection": "j-",
    "PhaseEncodingPolarityGE": "Unflipped",
    "PixelBandwidth": 7812.5,
    "ProcedureStepDescription": "MRI Brain",
    "ProtocolName": "ADNI3 FMRIF Enhanced Pro",
    "PulseSequenceName": "epi",
    "ReconMatrixPE": 64,
    "RepetitionTime": 3,
    "SAR": 0.148362,
    "ScanOptions": "MP_GEMS\\EPI_GEMS\\PFF",
    "ScanningSequence": "EP\\GR",
    "SequenceVariant": "SS",
    "SeriesDescription": "Axial rsfMRI reverse blip - RKV",
    "SeriesNumber": 11,
    "SliceThickness": 3.4,
    "SliceTiming": [
      0,
      1.5,
      0.0625,
      1.5625,
      0.125,
      1.625,
      0.1875,
      1.6875,
      0.25,
      1.75,
      0.3125,
      1.8125,
      0.375,
      1.875,
      0.4375,
      1.9375,
      0.5,
      2,
      0.5625,
      2.0625,
      0.625,
      2.125,
      0.6875,
      2.1875,
      0.75,
      2.25,
      0.8125,
      2.3125,
      0.875,
      2.375,
      0.9375,
      2.4375,
      1,
      2.5,
      1.0625,
      2.5625,
      1.125,
      2.625,
      1.1875,
      2.6875,
      1.25,
      2.75,
      1.3125,
      2.8125,
      1.375,
      2.875,
      1.4375,
      2.9375
    ],
    "SoftwareVersions": "27\\LX\\MR Software release:DV26.0_R03_1831.b",
    "SpacingBetweenSlices": 3.4,
    "StationName": "FMRI3tb",
    "TaskName": "Resting state with reverse blip.",
    "TotalReadoutTime": 0.026208,
    "TriggerDelayTime": 29938,
    "dataset": "ds004215",
    "modality": "bold",
    "session_id": "01",
    "subject_id": "ON11394",
    "task_id": "rest"
  },
  "dummy_trs": 1,
  "dvars_nstd": 12.955323337500001,
  "dvars_std": 1.5033925025,
  "dvars_vstd": 1.3382384787500001,
  "efc": 0.4427499677728864,
  "fber": 5959.84033203125,
  "fd_mean": 0.06280763690019892,
  "fd_num": 0,
  "fd_perc": 0.0,
  "fwhm_avg": 2.690738061165005,
  "fwhm_x": 2.67232,
  "fwhm_y": 2.543877818181818,
  "fwhm_z": 2.8560163653131974,
  "gcor": 0.0045029,
  "gsr_x": -0.010879682376980782,
  "gsr_y": 0.045022789388895035,
  "provenance": {
    "md5sum": "b7e869e3ba136b3b6bff521930809cbb",
    "settings": {
      "fd_thres": 0.2,
      "testing": false
    },
    "software": "mriqc",
    "version": "22.0.6",
    "webapi_port": null,
    "webapi_url": "https://mriqc.nimh.nih.gov/api/v1"
  },
  "size_t": 9,
  "size_x": 64,
  "size_y": 64,
  "size_z": 48,
  "snr": 4.50566020459654,
  "spacing_tr": 3.0,
  "spacing_x": 3.4375,
  "spacing_y": 3.4375,
  "spacing_z": 3.4000015258789062,
  "summary_bg_k": 30.57772455702331,
  "summary_bg_mad": 9.554547944573804,
  "summary_bg_mean": 122.556396484375,
  "summary_bg_median": 33.66666793823242,
  "summary_bg_n": 136537.0,
  "summary_bg_p05": 24.0,
  "summary_bg_p95": 625.7777709960938,
  "summary_bg_stdv": 243.86135864257812,
  "summary_fg_k": 2.0990020264836193,
  "summary_fg_mad": 512.5684532170351,
  "summary_fg_mean": 2681.618408203125,
  "summary_fg_median": 2602.388916015625,
  "summary_fg_n": 24144.0,
  "summary_fg_p05": 1839.8111572265625,
  "summary_fg_p95": 3697.2055053710938,
  "summary_fg_stdv": 577.5701904296875,
  "tsnr": 223.72312977164984
}