{
  "aor": 0.004552864321608041,
  "aqi": 0.0034124103065326637,
  "bids_meta": {
    "AcquisitionMatrixPE": 64,
    "AcquisitionNumber": 1,
    "AcquisitionTime": "10:57:5.000000",
    "BodyPartExamined": "BRAIN",
    "CoilString": "32Ch Head",
    "ConversionSoftware": "dcm2niix",
    "ConversionSoftwareVersion": "v1.0.20211006",
    "Dcm2bidsVersion": "2.1.6",
    "DeviceSerialNumber": "000301496mr3T5mr",
    "EchoTime": 0.0169,
    "EffectiveEchoSpacing": 0.000416,
    "FlipAngle": 90,
    "ImageOrientationPatientDICOM": [
      1,
      0,
      0,
      0,
      1,
      0
    ],
    "ImageType": [
      "ORIGINAL",
      "PRIMARY",
      "OTHER"
    ],
    "ImagingFrequency": 127.824,
    "InPlanePhaseEncodingDirectionDICOM": "COL",
    "InstitutionName": "NIH FMRIF",
    "InternalPulseSequenceName": "EPI",
    "MRAcquisitionType": "2D",
    "MagneticFieldStrength": 3,
    "Manufacturer": "GE",
    "ManufacturersModelName": "DISCOVERY MR750",
    "Modality": "MR",
    "PatientPosition": "HFS",
    "PercentPhaseFOV": 100,
    "PercentSampling": 100,
    "PhaseEncodingDirection": "j",
    "PhaseEncodingPolarityGE": "Flipped",
    "PixelBandwidth": 7812.5,
    "ProcedureStepDescription": "MRI Brain",
    "ProtocolName": "ADNI3 FMRIF Enhanced Pro",
    "PulseSequenceName": "epi",
    "ReconMatrixPE": 64,
    "RepetitionTime": 3,
    "SAR": 0.192793,
    "ScanOptions": "MP_GEMS\\EPI_GEMS\\PFF",
    "ScanningSequence": "EP\\GR",
    "SequenceVariant": "SS",
    "SeriesDescription": "Axial rsfMRI with Eyes Open - RKV",
    "SeriesNumber": 10,
    "SliceThickness": 3.4,
    "SliceTiming": [
      0,
      1.5,
      0.0625,
      1.5625,
      0.125,
      1.625,
      0.1875,
      1.6875,
      0.25,
      1.75,
      0.3125,
      1.8125,
      0.375,
      1.875,
      0.4375,
      1.9375,
      0.5,
      2,
      0.5625,
      2.0625,
      0.625,
      2.125,
      0.6875,
      2.1875,
      0.75,
      2.25,
      0.8125,
      2.3125,
      0.875,
      2.375,
      0.9375,
      2.4375,
      1,
      2.5,
      1.0625,
      2.5625,
      1.125,
      2.625,
      1.1875,
      2.6875,
      1.25,
      2.75,
      1.3125,
      2.8125,
      1.375,
      2.875,
      1.4375,
      2.9375
    ],
    "SoftwareVersions": "27\\LX\\MR Software release:DV26.0_R03_1831.b",
    "SpacingBetweenSlices": 3.4,
    "StationName": "FMRI3ta",
    "TaskName": "Resting state with eyes open.",
    "TotalReadoutTime": 0.026208,
    "TriggerDelayTime": 599938,
    "dataset": "ds004215",
    "modality": "bold",
    "session_id": "01",
    "subject_id": "ON61087",
    "task_id": "rest"
  },
  "dummy_trs": 1,
  "dvars_nstd": 21.560148186060616,
  "dvars_std": 1.9686706591414136,
  "dvars_vstd": 0.9800505507070708,
  "efc": 0.4824866715868915,
  "fber": 3641.581787109375,
  "fd_mean": 0.12339583330734887,
  "fd_num": 32,
  "fd_perc": 16.08040201005025,
  "fwhm_avg": 2.4277669998534637,
  "fwhm_x": 2.176686545454545,
  "fwhm_y": 2.448448,
  "fwhm_z": 2.6581664541058467,
  "gcor": 0.0264936,
  "gsr_x": 0.003007347695529461,
  "gsr_y": 0.04486686363816261,
  "provenance": {
    "md5sum": "c1183ed67fd99b1c65ff48d78045e126",
    "settings": {
      "fd_thres": 0.2,
      "testing": false
    },
    "software": "mriqc",
    "version": "22.0.6",
    "webapi_port": null,
    "webapi_url": "https://mriqc.nimh.nih.gov/api/v1"
  },
  "size_t": 199,
  "size_x": 64,
  "size_y": 64,
  "size_z": 48,
  "snr": 4.659883551612048,
  "spacing_tr": 3.0,
  "spacing_x": 3.4375,
  "spacing_y": 3.4375,
  "spacing_z": 3.4000015258789062,
  "summary_bg_k": 59.636749231066474,
  "summary_bg_mad": 15.105404225807854,
  "summary_bg_mean": 134.68199157714844,
  "summary_bg_median": 37.113067626953125,
  "summary_bg_n": 130978.0,
  "summary_bg_p05": 23.190954208374023,
  "summary_bg_p95": 591.8783691406246,
  "summary_bg_stdv": 251.82130432128906,
  "summary_fg_k": 1.7723907081773023,
  "summary_fg_mad": 441.13750360606076,
  "summary_fg_mean": 2232.35791015625,
  "summary_fg_median": 2189.2109375,
  "summary_fg_n": 27704.0,
  "summary_fg_p05": 1547.1866638183594,
  "summary_fg_p95": 3048.496789550781,
  "summary_fg_stdv": 469.791015625,
  "tsnr": 108.3995364420116
}