{
  "aor": 0.03697666666666667,
  "aqi": 0.0026476777777777777,
  "bids_meta": {
    "AcquisitionMatrixPE": 64,
    "AcquisitionNumber": 1,
    "AcquisitionTime": "11:07:35.000000",
    "BodyPartExamined": "BRAIN",
    "CoilString": "32Ch Head",
    "ConversionSoftware": "dcm2niix",
    "ConversionSoftwareVersion": "v1.0.20211006",
    "Dcm2bidsVersion": "2.1.6",
    "DeviceSerialNumber": "000301496mr3T5mr",
    "EchoTime": 0.0169,
    "EffectiveEchoSpacing": 0.000416,
    "FlipAngle": 90,
    "ImageOrientationPatientDICOM": [
      1,
      0,
      0,
      0,
      1,
      0
    ],
    "ImageType": [
      "ORIGINAL",
      "PRIMARY",
      "OTHER"
    ],
    "ImagingFrequency": 127.824,
    "InPlanePhaseEncodingDirectionDICOM": "COL",
    "InstitutionName": "NIH FMRIF",
    "InternalPulseSequenceName": "EPI",
    "MRAcquisitionType": "2D",
    "MagneticFieldStrength": 3,
    "Manufacturer": "GE",
    "ManufacturersModelName": "DISCOVERY MR750",
    "Modality": "MR",
    "PatientPosition": "HFS",
    "PercentPhaseFOV": 100,
    "PercentSampling": 100,
    "PhaseEncodingDirection": "j",
    "PhaseEncodingPolarityGE": "Flipped",
    "PixelBandwidth": 7812.5,
    "ProcedureStepDescription": "MRI Brain",
    "ProtocolName": "ADNI3 FMRIF Enhanced Pro",
    "PulseSequenceName": "epi",
    "ReconMatrixPE": 64,
    "RepetitionTime": 3,
    "SAR": 0.192793,
    "ScanOptions": "MP_GEMS\\EPI_GEMS\\PFF",
    "ScanningSequence": "EP\\GR",
    "SequenceVariant": "SS",
    "SeriesDescription": "Axial rsfMRI reverse blip - RKV",
    "SeriesNumber": 11,
    "SliceThickness": 3.4,
    "SliceTiming": [
      0,
      1.5,
      0.0625,
      1.5625,
      0.125,
      1.625,
      0.1875,
      1.6875,
      0.25,
      1.75,
      0.3125,
      1.8125,
      0.375,
      1.875,
      0.4375,
      1.9375,
      0.5,
      2,
      0.5625,
      2.0625,
      0.625,
      2.125,
      0.6875,
      2.1875,
      0.75,
      2.25,
      0.8125,
      2.3125,
      0.875,
      2.375,
      0.9375,
      2.4375,
      1,
      2.5,
      1.0625,
      2.5625,
      1.125,
      2.625,
      1.1875,
      2.6875,
      1.25,
      2.75,
      1.3125,
      2.8125,
      1.375,
      2.875,
      1.4375,
      2.9375
    ],
    "SoftwareVersions": "27\\LX\\MR Software release:DV26.0_R03_1831.b",
    "SpacingBetweenSlices": 3.4,
    "StationName": "FMRI3ta",
    "TaskName": "Resting state with reverse blip.",
    "TotalReadoutTime": 0.026208,
    "TriggerDelayTime": 29938,
    "dataset": "ds004215",
    "modality": "bold",
    "session_id": "01",
    "subject_id": "ON61087",
    "task_id": "rest"
  },
  "dummy_trs": 1,
  "dvars_nstd": 24.370209813749998,
  "dvars_std": 2.4304468625,
  "dvars_vstd": 1.36194935625,
  "efc": 0.48073963148429993,
  "fber": 3798.719482421875,
  "fd_mean": 0.11971970912698111,
  "fd_num": 1,
  "fd_perc": 11.11111111111111,
  "fwhm_avg": 2.426329405268564,
  "fwhm_x": 2.1603345454545453,
  "fwhm_y": 2.429957818181818,
  "fwhm_z": 2.6886958521693276,
  "gcor": 0.0116495,
  "gsr_x": 0.00442668329924345,
  "gsr_y": 0.04446912556886673,
  "provenance": {
    "md5sum": "2f738bd30c8bd25a0fa9e526d67bbef9",
    "settings": {
      "fd_thres": 0.2,
      "testing": false
    },
    "software": "mriqc",
    "version": "22.0.6",
    "webapi_port": null,
    "webapi_url": "https://mriqc.nimh.nih.gov/api/v1"
  },
  "size_t": 9,
  "size_x": 64,
  "size_y": 64,
  "size_z": 48,
  "snr": 4.549338954619484,
  "spacing_tr": 3.0,
  "spacing_x": 3.4375,
  "spacing_y": 3.4375,
  "spacing_z": 3.4000015258789062,
  "summary_bg_k": 66.79358120181143,
  "summary_bg_mad": 14.167087551515827,
  "summary_bg_mean": 132.7540283203125,
  "summary_bg_median": 36.22222137451172,
  "summary_bg_n": 130913.0,
  "summary_bg_p05": 22.88888931274414,
  "summary_bg_p95": 587.6666870117188,
  "summary_bg_stdv": 251.49769592285156,
  "summary_fg_k": 2.066682398902799,
  "summary_fg_mad": 447.2517899036673,
  "summary_fg_mean": 2232.900634765625,
  "summary_fg_median": 2191.111083984375,
  "summary_fg_n": 27765.0,
  "summary_fg_p05": 1535.5111328125,
  "summary_fg_p95": 3066.77783203125,
  "summary_fg_stdv": 481.6241760253906,
  "tsnr": 196.39971693232656
}