{
  "bids_meta": {
    "AcquisitionMatrixPE": 256,
    "AcquisitionNumber": 1,
    "AcquisitionTime": "14:14:28.000000",
    "BodyPartExamined": "BRAIN",
    "CoilString": "32Ch Head",
    "ConversionSoftware": "dcm2niix",
    "ConversionSoftwareVersion": "v1.0.20211006",
    "Dcm2bidsVersion": "2.1.6",
    "DeviceSerialNumber": "000301496MR3T6MR",
    "EchoTime": 0.003036,
    "FlipAngle": 11,
    "ImageOrientationPatientDICOM": [
      0,
      1,
      0,
      0,
      0,
      -1
    ],
    "ImageType": [
      "ORIGINAL",
      "PRIMARY",
      "OTHER"
    ],
    "ImagingFrequency": 127.697,
    "InPlanePhaseEncodingDirectionDICOM": "ROW",
    "InstitutionName": "NIH FMRIF",
    "InversionTime": 0.4,
    "MRAcquisitionType": "3D",
    "MagneticFieldStrength": 3,
    "Manufacturer": "GE",
    "ManufacturersModelName": "DISCOVERY MR750",
    "Modality": "MR",
    "ParallelReductionFactorInPlane": 1.72974,
    "PatientPosition": "HFS",
    "PercentPhaseFOV": 100,
    "PercentSampling": 100,
    "PixelBandwidth": 244.141,
    "ProcedureStepDescription": "MRI Brain",
    "ProtocolName": "ADNI3 FMRIF Enhanced Pro",
    "ReconMatrixPE": 256,
    "RepetitionTime": 0.007348,
    "SAR": 0.205618,
    "ScanOptions": "FAST_GEMS\\EDR_GEMS\\FILTERED_GEMS\\ACC_GEMS\\IR_GEMS",
    "ScanningSequence": "GR",
    "SequenceVariant": "SS\\SP\\SK",
    "SeriesDescription": "Accelerated Sagittal IR-FSPGR",
    "SeriesNumber": 3,
    "SliceThickness": 1.2,
    "SoftwareVersions": "27\\LX\\MR Software release:DV26.0_R01_1725.a",
    "SpacingBetweenSlices": 1.2,
    "SpoilingState": true,
    "StationName": "fmrif3tb",
    "acq_id": "FSPGR",
    "dataset": "ds004215",
    "modality": "T1w",
    "rec_id": "SCIC",
    "session_id": "01",
    "subject_id": "ON94663"
  },
  "cjv": 0.2943754966152305,
  "cnr": 4.497304686975807,
  "efc": 0.5524992034259273,
  "fber": -1.0,
  "fwhm_avg": 3.4852009413126344,
  "fwhm_x": 3.208196095036462,
  "fwhm_y": 3.8043044803455004,
  "fwhm_z": 3.443102248555942,
  "icvs_csf": 0.22891985115231112,
  "icvs_gm": 0.45612392668772456,
  "icvs_wm": 0.3149562221599643,
  "inu_med": 0.5011032223701477,
  "inu_range": 0.10998152196407324,
  "provenance": {
    "md5sum": "0bf23508e5602b588150070c98ee2746",
    "settings": {
      "testing": false
    },
    "software": "mriqc",
    "version": "22.0.6",
    "warnings": {
      "large_rot_frame": true,
      "small_air_mask": false
    },
    "webapi_port": null,
    "webapi_url": "https://mriqc.nimh.nih.gov/api/v1"
  },
  "qi_1": 0.0,
  "qi_2": 0.004424876071075311,
  "rpve_csf": 30.918751543381738,
  "rpve_gm": 16.536109777782983,
  "rpve_wm": 27.430671827196623,
  "size_x": 196,
  "size_y": 256,
  "size_z": 256,
  "snr_csf": 2.2884546483065313,
  "snr_gm": 10.276416064608172,
  "snr_total": 12.368611311832966,
  "snr_wm": 24.5409632225842,
  "snrd_csf": 15.396310986450514,
  "snrd_gm": 42.02888103417364,
  "snrd_total": 40.490256768777805,
  "snrd_wm": 64.04557828570925,
  "spacing_x": 1.2000045776367188,
  "spacing_y": 1.0547000169754028,
  "spacing_z": 1.0547000169754028,
  "summary_bg_k": 16.28399850234015,
  "summary_bg_mad": 0.0,
  "summary_bg_mean": 5.84871082428706,
  "summary_bg_median": 0.0,
  "summary_bg_n": 1029131.0,
  "summary_bg_p05": 0.0,
  "summary_bg_p95": 25.940059758722782,
  "summary_bg_stdv": 10.22966022235484,
  "summary_csf_k": 0.659165420560047,
  "summary_csf_mad": 95.76556587707,
  "summary_csf_mean": 242.23937559145963,
  "summary_csf_median": 240.40647118538618,
  "summary_csf_n": 21340.0,
  "summary_csf_p05": 74.99035457521677,
  "summary_csf_p95": 428.9328228533268,
  "summary_csf_stdv": 105.04942212023526,
  "summary_gm_k": 0.12538896998139926,
  "summary_gm_mad": 62.55115620513567,
  "summary_gm_mean": 655.4560300278076,
  "summary_gm_median": 656.2620738297701,
  "summary_gm_n": 36827.0,
  "summary_gm_p05": 548.1713454797864,
  "summary_gm_p95": 758.9375467292963,
  "summary_gm_stdv": 63.86012006291018,
  "summary_wm_k": 0.6425127702183149,
  "summary_wm_mad": 38.64949489097814,
  "summary_wm_mean": 1000.0927054729074,
  "summary_wm_median": 1000.042898863554,
  "summary_wm_n": 135332.0,
  "summary_wm_p05": 933.542018391192,
  "summary_wm_p95": 1066.4151509404182,
  "summary_wm_stdv": 40.74979433408104,
  "tpm_overlap_csf": 0.16118517189113582,
  "tpm_overlap_gm": 0.4864907731573078,
  "tpm_overlap_wm": 0.5092690459845759,
  "wm2max": 0.4248064839267826
}