{
  "bids_meta": {
    "AcquisitionMatrixPE": 256,
    "AcquisitionNumber": 1,
    "AcquisitionTime": "14:26:50.000000",
    "BodyPartExamined": "BRAIN",
    "CoilString": "32Ch Head",
    "ConversionSoftware": "dcm2niix",
    "ConversionSoftwareVersion": "v1.0.20211006",
    "Dcm2bidsVersion": "2.1.6",
    "DeviceSerialNumber": "000301496MR3T6MR",
    "EchoTime": 0.065685,
    "EchoTrainLength": 140,
    "FlipAngle": 90,
    "ImageOrientationPatientDICOM": [
      0,
      1,
      0,
      0,
      0,
      -1
    ],
    "ImageType": [
      "ORIGINAL",
      "PRIMARY",
      "OTHER"
    ],
    "ImagingFrequency": 127.697,
    "InPlanePhaseEncodingDirectionDICOM": "ROW",
    "InstitutionName": "NIH FMRIF",
    "MRAcquisitionType": "3D",
    "MagneticFieldStrength": 3,
    "Manufacturer": "GE",
    "ManufacturersModelName": "DISCOVERY MR750",
    "Modality": "MR",
    "ParallelReductionFactorInPlane": 2,
    "ParallelReductionOutOfPlane": 1.5,
    "PatientPosition": "HFS",
    "PercentPhaseFOV": 100,
    "PercentSampling": 100,
    "PhaseEncodingAxis": "i",
    "PixelBandwidth": 244.141,
    "ProcedureStepDescription": "MRI Brain",
    "ProtocolName": "ADNI3 FMRIF Enhanced Pro",
    "ReconMatrixPE": 256,
    "RepetitionTime": 3.202,
    "SAR": 0.4724,
    "ScanOptions": "SAT_GEMS\\EDR_GEMS\\PROMO_GEMS\\ACC_GEMS\\FS\\FR_GEMS",
    "ScanningSequence": "RM",
    "SequenceVariant": "NONE",
    "SeriesDescription": "Sag_CUBE_T2",
    "SeriesNumber": 4,
    "SliceThickness": 1,
    "SoftwareVersions": "27\\LX\\MR Software release:DV26.0_R01_1725.a",
    "SpacingBetweenSlices": 1,
    "StationName": "fmrif3tb",
    "acq_id": "CUBE",
    "dataset": "ds004215",
    "modality": "T2w",
    "session_id": "01",
    "subject_id": "ON05311"
  },
  "cjv": 0.5460729545259183,
  "cnr": 2.401318564525257,
  "efc": 0.3814309644365228,
  "fber": 5372.244610577113,
  "fwhm_avg": 2.58745,
  "fwhm_x": 2.20887,
  "fwhm_y": 2.82533,
  "fwhm_z": 2.72815,
  "icvs_csf": 0.23165372843683218,
  "icvs_gm": 0.2512236546460538,
  "icvs_wm": 0.517122616917114,
  "inu_med": 0.9307163953781128,
  "inu_range": 0.6287499070167542,
  "provenance": {
    "md5sum": "fa770700ca6b8965cca37e579d263d48",
    "settings": {
      "testing": false
    },
    "software": "mriqc",
    "version": "22.0.6",
    "warnings": {
      "large_rot_frame": true,
      "small_air_mask": false
    },
    "webapi_port": null,
    "webapi_url": "https://mriqc.nimh.nih.gov/api/v1"
  },
  "qi_1": 0.0,
  "qi_2": 0.011656000100349513,
  "rpve_csf": 29.511399692229343,
  "rpve_gm": 20.749867139061116,
  "rpve_wm": 13.070459463753371,
  "size_x": 204,
  "size_y": 256,
  "size_z": 256,
  "snr_csf": 2.2786395137021533,
  "snr_gm": 8.961902110431748,
  "snr_total": 7.153579936652228,
  "snr_wm": 10.220198185822785,
  "snrd_csf": 103.86241089020699,
  "snrd_gm": 47.600754134655965,
  "snrd_total": 61.37514336988462,
  "snrd_wm": 32.66226508479088,
  "spacing_x": 1.0,
  "spacing_y": 1.0,
  "spacing_z": 1.0,
  "summary_bg_k": 16.637497987014136,
  "summary_bg_mad": 20.061401045013525,
  "summary_bg_mean": 14.391206436693315,
  "summary_bg_median": 13.531209379434586,
  "summary_bg_n": 3438785.0,
  "summary_bg_p05": 0.0,
  "summary_bg_p95": 41.90310001373291,
  "summary_bg_stdv": 16.15812127177605,
  "summary_csf_k": -0.8879844124632434,
  "summary_csf_mad": 953.6284058042559,
  "summary_csf_mean": 2557.400236985119,
  "summary_csf_median": 3180.445291042328,
  "summary_csf_n": 78524.0,
  "summary_csf_p05": 88.17110627889633,
  "summary_csf_p95": 4218.158103257418,
  "summary_csf_stdv": 1395.756116942231,
  "summary_gm_k": 0.5149091728781263,
  "summary_gm_mad": 151.43122079139243,
  "summary_gm_mean": 1471.3440405299268,
  "summary_gm_median": 1457.616793602705,
  "summary_gm_n": 8827.0,
  "summary_gm_p05": 1227.5687745273112,
  "summary_gm_p95": 1762.898336827754,
  "summary_gm_stdv": 162.6367045181688,
  "summary_wm_k": 0.0543493369784418,
  "summary_wm_mad": 98.36557931748568,
  "summary_wm_mean": 1002.6454710574051,
  "summary_wm_median": 1000.1746184527874,
  "summary_wm_n": 237807.0,
  "summary_wm_p05": 846.7045146524906,
  "summary_wm_p95": 1166.215652257204,
  "summary_wm_stdv": 97.86234056845468,
  "tpm_overlap_csf": 0.13319326398239772,
  "tpm_overlap_gm": 0.31551528702633286,
  "tpm_overlap_wm": 0.4439556166952461,
  "wm2max": 0.23494309443248232
}