{
  "aor": 0.003136733668341709,
  "aqi": 0.0033816232160804017,
  "bids_meta": {
    "AcquisitionMatrixPE": 64,
    "AcquisitionNumber": 1,
    "AcquisitionTime": "16:18:4.000000",
    "BodyPartExamined": "BRAIN",
    "CoilString": "32Ch Head",
    "ConversionSoftware": "dcm2niix",
    "ConversionSoftwareVersion": "v1.0.20211006",
    "Dcm2bidsVersion": "2.1.6",
    "DeviceSerialNumber": "000301496MR3T6MR",
    "EchoTime": 0.0169,
    "EffectiveEchoSpacing": 0.000416,
    "FlipAngle": 90,
    "ImageOrientationPatientDICOM": [
      1,
      0,
      0,
      0,
      1,
      0
    ],
    "ImageType": [
      "ORIGINAL",
      "PRIMARY",
      "OTHER"
    ],
    "ImagingFrequency": 127.696,
    "InPlanePhaseEncodingDirectionDICOM": "COL",
    "InstitutionName": "NIH FMRIF",
    "InternalPulseSequenceName": "EPI",
    "MRAcquisitionType": "2D",
    "MagneticFieldStrength": 3,
    "Manufacturer": "GE",
    "ManufacturersModelName": "DISCOVERY MR750",
    "Modality": "MR",
    "PatientPosition": "HFS",
    "PercentPhaseFOV": 100,
    "PercentSampling": 100,
    "PhaseEncodingDirection": "j",
    "PhaseEncodingPolarityGE": "Flipped",
    "PixelBandwidth": 7812.5,
    "ProcedureStepDescription": "MRI Brain",
    "ProtocolName": "ADNI3 FMRIF Enhanced Pro",
    "PulseSequenceName": "epi",
    "ReconMatrixPE": 64,
    "RepetitionTime": 3,
    "SAR": 0.1834,
    "ScanOptions": "MP_GEMS\\EPI_GEMS\\PFF",
    "ScanningSequence": "EP\\GR",
    "SequenceVariant": "SS",
    "SeriesDescription": "Axial rsfMRI with Eyes Open - RKV",
    "SeriesNumber": 10,
    "SliceThickness": 3.4,
    "SliceTiming": [
      0,
      1.5,
      0.0625,
      1.5625,
      0.125,
      1.625,
      0.1875,
      1.6875,
      0.25,
      1.75,
      0.3125,
      1.8125,
      0.375,
      1.875,
      0.4375,
      1.9375,
      0.5,
      2,
      0.5625,
      2.0625,
      0.625,
      2.125,
      0.6875,
      2.1875,
      0.75,
      2.25,
      0.8125,
      2.3125,
      0.875,
      2.375,
      0.9375,
      2.4375,
      1,
      2.5,
      1.0625,
      2.5625,
      1.125,
      2.625,
      1.1875,
      2.6875,
      1.25,
      2.75,
      1.3125,
      2.8125,
      1.375,
      2.875,
      1.4375,
      2.9375
    ],
    "SoftwareVersions": "27\\LX\\MR Software release:DV26.0_R03_1831.b",
    "SpacingBetweenSlices": 3.4,
    "StationName": "FMRI3tb",
    "TaskName": "Resting state with eyes open.",
    "TotalReadoutTime": 0.026208,
    "TriggerDelayTime": 599938,
    "dataset": "ds004215",
    "modality": "bold",
    "session_id": "01",
    "subject_id": "ON02747",
    "task_id": "rest"
  },
  "dummy_trs": 1,
  "dvars_nstd": 12.34198205863637,
  "dvars_std": 1.1298682343434339,
  "dvars_vstd": 0.9688953686868683,
  "efc": 0.4425315143550161,
  "fber": 4894.625,
  "fd_mean": 0.12261660275722032,
  "fd_num": 27,
  "fd_perc": 13.5678391959799,
  "fwhm_avg": 2.459430706498616,
  "fwhm_x": 2.406850909090909,
  "fwhm_y": 2.3302894545454547,
  "fwhm_z": 2.6411517558594846,
  "gcor": 0.0538283,
  "gsr_x": -0.007643518038094044,
  "gsr_y": 0.024770410731434822,
  "provenance": {
    "md5sum": "d2d9fe5e97319633180d13a5877085a7",
    "settings": {
      "fd_thres": 0.2,
      "testing": false
    },
    "software": "mriqc",
    "version": "22.0.6",
    "webapi_port": null,
    "webapi_url": "https://mriqc.nimh.nih.gov/api/v1"
  },
  "size_t": 199,
  "size_x": 64,
  "size_y": 64,
  "size_z": 48,
  "snr": 5.101146281566757,
  "spacing_tr": 3.0,
  "spacing_x": 3.4375,
  "spacing_y": 3.4375,
  "spacing_z": 3.4000015258789062,
  "summary_bg_k": 23.920298299708524,
  "summary_bg_mad": 13.164615686696388,
  "summary_bg_mean": 120.87779998779297,
  "summary_bg_median": 35.01005172729492,
  "summary_bg_n": 139287.0,
  "summary_bg_p05": 20.834171295166016,
  "summary_bg_p95": 533.5316345214841,
  "summary_bg_stdv": 221.80184936523438,
  "summary_fg_k": 0.7334114813035009,
  "summary_fg_mad": 439.4909319527448,
  "summary_fg_mean": 2431.138671875,
  "summary_fg_median": 2395.954833984375,
  "summary_fg_n": 22737.0,
  "summary_fg_p05": 1707.5798828125,
  "summary_fg_p95": 3234.47431640625,
  "summary_fg_stdv": 469.6791687011719,
  "tsnr": 96.82169980555773
}