{
  "bids_meta": {
    "AcquisitionMatrixPE": 256,
    "AcquisitionNumber": 1,
    "AcquisitionTime": "16:07:14.000000",
    "BodyPartExamined": "BRAIN",
    "CoilString": "32Ch Head",
    "ConversionSoftware": "dcm2niix",
    "ConversionSoftwareVersion": "v1.0.20211006",
    "Dcm2bidsVersion": "2.1.6",
    "DeviceSerialNumber": "000301496MR3T6MR",
    "EchoTime": 0.066293,
    "EchoTrainLength": 140,
    "FlipAngle": 90,
    "ImageOrientationPatientDICOM": [
      0,
      1,
      0,
      0,
      0,
      -1
    ],
    "ImageType": [
      "ORIGINAL",
      "PRIMARY",
      "OTHER"
    ],
    "ImagingFrequency": 127.697,
    "InPlanePhaseEncodingDirectionDICOM": "ROW",
    "InstitutionName": "NIH FMRIF",
    "MRAcquisitionType": "3D",
    "MagneticFieldStrength": 3,
    "Manufacturer": "GE",
    "ManufacturersModelName": "DISCOVERY MR750",
    "Modality": "MR",
    "ParallelReductionFactorInPlane": 2,
    "ParallelReductionOutOfPlane": 1.5,
    "PatientPosition": "HFS",
    "PercentPhaseFOV": 100,
    "PercentSampling": 100,
    "PhaseEncodingAxis": "i",
    "PixelBandwidth": 244.141,
    "ProcedureStepDescription": "MRI Brain",
    "ProtocolName": "ADNI3 FMRIF Enhanced Pro",
    "ReconMatrixPE": 256,
    "RepetitionTime": 3.202,
    "SAR": 0.5082,
    "ScanOptions": "SAT_GEMS\\EDR_GEMS\\PROMO_GEMS\\FILTERED_GEMS\\ACC_GEMS\\FS\\FR_GEMS",
    "ScanningSequence": "RM",
    "SequenceVariant": "NONE",
    "SeriesDescription": "Anat T2w CUBE (ABCD)",
    "SeriesNumber": 4,
    "SliceThickness": 1,
    "SoftwareVersions": "27\\LX\\MR Software release:DV26.0_R03_1831.b",
    "SpacingBetweenSlices": 1,
    "StationName": "FMRI3tb",
    "acq_id": "CUBE",
    "dataset": "ds004215",
    "modality": "T2w",
    "rec_id": "SCIC",
    "session_id": "01",
    "subject_id": "ON23664"
  },
  "cjv": 0.6463950789688765,
  "cnr": 1.2094573757038147,
  "efc": 0.431986038144214,
  "fber": 6346.530751757708,
  "fwhm_avg": 2.354226666666667,
  "fwhm_x": 1.99479,
  "fwhm_y": 2.63794,
  "fwhm_z": 2.42995,
  "icvs_csf": 0.21796439519817404,
  "icvs_gm": 0.5343724304852993,
  "icvs_wm": 0.24766317431652668,
  "inu_med": 0.7926927208900452,
  "inu_range": 0.16443301439285285,
  "provenance": {
    "md5sum": "d0a78e6d5c9684b70f1ec41e2fec6a02",
    "settings": {
      "testing": false
    },
    "software": "mriqc",
    "version": "22.0.6",
    "warnings": {
      "large_rot_frame": true,
      "small_air_mask": false
    },
    "webapi_port": null,
    "webapi_url": "https://mriqc.nimh.nih.gov/api/v1"
  },
  "qi_1": 0.0,
  "qi_2": 0.008178547947487002,
  "rpve_csf": 25.911324677761016,
  "rpve_gm": 13.888211484364847,
  "rpve_wm": 30.180457389867716,
  "size_x": 204,
  "size_y": 256,
  "size_z": 256,
  "snr_csf": 11.670321648661764,
  "snr_gm": 11.814604998137172,
  "snr_total": 8.499320039017356,
  "snr_wm": 2.0130334702531285,
  "snrd_csf": 62.65250130261222,
  "snrd_gm": 45.574078621917884,
  "snrd_total": 74.26484162257499,
  "snrd_wm": 114.56794494319486,
  "spacing_x": 1.0,
  "spacing_y": 1.0,
  "spacing_z": 1.0,
  "summary_bg_k": 139.31035053430597,
  "summary_bg_mad": 5.718091141400254,
  "summary_bg_mean": 4.179022906341505,
  "summary_bg_median": 4.179876074194908,
  "summary_bg_n": 3140225.0,
  "summary_bg_p05": 0.0,
  "summary_bg_p95": 9.086687117815018,
  "summary_bg_stdv": 4.154329977980696,
  "summary_csf_k": 0.8058868377839654,
  "summary_csf_mad": 44.15803368358835,
  "summary_csf_mean": 548.1346748014242,
  "summary_csf_median": 546.8368307501078,
  "summary_csf_n": 9479.0,
  "summary_csf_p05": 474.7874789610505,
  "summary_csf_p95": 626.4180365279317,
  "summary_csf_stdv": 46.85457708908452,
  "summary_gm_k": 0.10764117378423421,
  "summary_gm_mad": 33.76966914921197,
  "summary_gm_mean": 398.2036589335651,
  "summary_gm_median": 397.7747767418623,
  "summary_gm_n": 218605.0,
  "summary_gm_p05": 343.8200479000807,
  "summary_gm_p95": 453.7689620256424,
  "summary_gm_stdv": 33.66797848941887,
  "summary_wm_k": -1.6490294721316818,
  "summary_wm_mad": 355.47965556537497,
  "summary_wm_mean": 733.6586571488601,
  "summary_wm_median": 999.9596283584833,
  "summary_wm_n": 83971.0,
  "summary_wm_p05": 26.411970555782318,
  "summary_wm_p95": 1264.9072320759296,
  "summary_wm_stdv": 496.7397159167735,
  "tpm_overlap_csf": 0.09356666674652729,
  "tpm_overlap_gm": 0.3435972052923274,
  "tpm_overlap_wm": 0.05708701696435756,
  "wm2max": 0.7919263713328603
}