{
  "aor": 0.0383275,
  "aqi": 0.002922395,
  "bids_meta": {
    "AcquisitionMatrixPE": 64,
    "AcquisitionNumber": 1,
    "AcquisitionTime": "15:58:32.000000",
    "BodyPartExamined": "BRAIN",
    "CoilString": "32Ch Head",
    "ConversionSoftware": "dcm2niix",
    "ConversionSoftwareVersion": "v1.0.20211006",
    "Dcm2bidsVersion": "2.1.6",
    "DeviceSerialNumber": "000301496MR3T6MR",
    "EchoTime": 0.0169,
    "EffectiveEchoSpacing": 0.000416,
    "FlipAngle": 90,
    "ImageOrientationPatientDICOM": [
      1,
      0,
      0,
      0,
      1,
      0
    ],
    "ImageType": [
      "ORIGINAL",
      "PRIMARY",
      "OTHER"
    ],
    "ImagingFrequency": 127.696,
    "InPlanePhaseEncodingDirectionDICOM": "COL",
    "InstitutionName": "NIH FMRIF",
    "InternalPulseSequenceName": "EPI",
    "MRAcquisitionType": "2D",
    "MagneticFieldStrength": 3,
    "Manufacturer": "GE",
    "ManufacturersModelName": "DISCOVERY MR750",
    "Modality": "MR",
    "PatientPosition": "HFS",
    "PercentPhaseFOV": 100,
    "PercentSampling": 100,
    "PhaseEncodingDirection": "j-",
    "PhaseEncodingPolarityGE": "Unflipped",
    "PixelBandwidth": 7812.5,
    "ProcedureStepDescription": "MRI Brain",
    "ProtocolName": "ADNI3 FMRIF Enhanced Pro",
    "PulseSequenceName": "epi",
    "ReconMatrixPE": 64,
    "RepetitionTime": 3,
    "SAR": 0.183825,
    "ScanOptions": "MP_GEMS\\EPI_GEMS\\PFF",
    "ScanningSequence": "EP\\GR",
    "SequenceVariant": "SS",
    "SeriesDescription": "Axial rsfMRI reverse blip - RKV",
    "SeriesNumber": 11,
    "SliceThickness": 3.4,
    "SliceTiming": [
      0,
      1.5,
      0.0625,
      1.5625,
      0.125,
      1.625,
      0.1875,
      1.6875,
      0.25,
      1.75,
      0.3125,
      1.8125,
      0.375,
      1.875,
      0.4375,
      1.9375,
      0.5,
      2,
      0.5625,
      2.0625,
      0.625,
      2.125,
      0.6875,
      2.1875,
      0.75,
      2.25,
      0.8125,
      2.3125,
      0.875,
      2.375,
      0.9375,
      2.4375,
      1,
      2.5,
      1.0625,
      2.5625,
      1.125,
      2.625,
      1.1875,
      2.6875,
      1.25,
      2.75,
      1.3125,
      2.8125,
      1.375,
      2.875,
      1.4375,
      2.9375
    ],
    "SoftwareVersions": "27\\LX\\MR Software release:DV26.0_R03_1831.b",
    "SpacingBetweenSlices": 3.4,
    "StationName": "FMRI3tb",
    "TaskName": "Resting state with reverse blip.",
    "TotalReadoutTime": 0.026208,
    "TriggerDelayTime": 29938,
    "dataset": "ds004215",
    "modality": "bold",
    "session_id": "01",
    "subject_id": "ON39384",
    "task_id": "rest"
  },
  "dummy_trs": 2,
  "dvars_nstd": 16.016525680000004,
  "dvars_std": 1.3589413314285712,
  "dvars_vstd": 1.1974521185714286,
  "efc": 0.47960305033313494,
  "fber": 4495.1357421875,
  "fd_mean": 0.08401843472670059,
  "fd_num": 0,
  "fd_perc": 0.0,
  "fwhm_avg": 2.495266475732304,
  "fwhm_x": 2.368389818181818,
  "fwhm_y": 2.457157818181818,
  "fwhm_z": 2.6602517908332763,
  "gcor": 0.0100613,
  "gsr_x": -0.009817175567150116,
  "gsr_y": 0.052969276905059814,
  "provenance": {
    "md5sum": "08e2fcc926fd080b29c1cc1924b5d5d2",
    "settings": {
      "fd_thres": 0.2,
      "testing": false
    },
    "software": "mriqc",
    "version": "22.0.6",
    "webapi_port": null,
    "webapi_url": "https://mriqc.nimh.nih.gov/api/v1"
  },
  "size_t": 8,
  "size_x": 64,
  "size_y": 64,
  "size_z": 48,
  "snr": 4.953975575253441,
  "spacing_tr": 3.0,
  "spacing_x": 3.4375,
  "spacing_y": 3.4375,
  "spacing_z": 3.3999977111816406,
  "summary_bg_k": 15.112252476124883,
  "summary_bg_mad": 14.084721075803218,
  "summary_bg_mean": 154.38673400878906,
  "summary_bg_median": 36.875,
  "summary_bg_n": 133632.0,
  "summary_bg_p05": 24.25,
  "summary_bg_p95": 746.9312499999996,
  "summary_bg_stdv": 274.371826171875,
  "summary_fg_k": 1.273094682835577,
  "summary_fg_mad": 452.3790019215218,
  "summary_fg_mean": 2466.194580078125,
  "summary_fg_median": 2425.625,
  "summary_fg_n": 26778.0,
  "summary_fg_p05": 1723.23125,
  "summary_fg_p95": 3313.8437499999986,
  "summary_fg_stdv": 489.62286376953125,
  "tsnr": 181.06333384290338
}