{
  "aor": 0.0022085427135678393,
  "aqi": 0.0037855574874371863,
  "bids_meta": {
    "AcquisitionMatrixPE": 64,
    "AcquisitionNumber": 1,
    "AcquisitionTime": "15:47:44.000000",
    "BodyPartExamined": "BRAIN",
    "CoilString": "32Ch Head",
    "ConversionSoftware": "dcm2niix",
    "ConversionSoftwareVersion": "v1.0.20211006",
    "Dcm2bidsVersion": "2.1.6",
    "DeviceSerialNumber": "000301496MR3T6MR",
    "EchoTime": 0.0169,
    "EffectiveEchoSpacing": 0.000416,
    "FlipAngle": 90,
    "ImageOrientationPatientDICOM": [
      1,
      0,
      0,
      0,
      1,
      0
    ],
    "ImageType": [
      "ORIGINAL",
      "PRIMARY",
      "OTHER"
    ],
    "ImagingFrequency": 127.696,
    "InPlanePhaseEncodingDirectionDICOM": "COL",
    "InstitutionName": "NIH FMRIF",
    "InternalPulseSequenceName": "EPI",
    "MRAcquisitionType": "2D",
    "MagneticFieldStrength": 3,
    "Manufacturer": "GE",
    "ManufacturersModelName": "DISCOVERY MR750",
    "Modality": "MR",
    "PatientPosition": "HFS",
    "PercentPhaseFOV": 100,
    "PercentSampling": 100,
    "PhaseEncodingDirection": "j",
    "PhaseEncodingPolarityGE": "Flipped",
    "PixelBandwidth": 7812.5,
    "ProcedureStepDescription": "MRI Brain",
    "ProtocolName": "ADNI3 FMRIF Enhanced Pro",
    "PulseSequenceName": "epi",
    "ReconMatrixPE": 64,
    "RepetitionTime": 3,
    "SAR": 0.183825,
    "ScanOptions": "MP_GEMS\\EPI_GEMS\\PFF",
    "ScanningSequence": "EP\\GR",
    "SequenceVariant": "SS",
    "SeriesDescription": "Axial rsfMRI with Eyes Open - RKV",
    "SeriesNumber": 10,
    "SliceThickness": 3.4,
    "SliceTiming": [
      0,
      1.5,
      0.0625,
      1.5625,
      0.125,
      1.625,
      0.1875,
      1.6875,
      0.25,
      1.75,
      0.3125,
      1.8125,
      0.375,
      1.875,
      0.4375,
      1.9375,
      0.5,
      2,
      0.5625,
      2.0625,
      0.625,
      2.125,
      0.6875,
      2.1875,
      0.75,
      2.25,
      0.8125,
      2.3125,
      0.875,
      2.375,
      0.9375,
      2.4375,
      1,
      2.5,
      1.0625,
      2.5625,
      1.125,
      2.625,
      1.1875,
      2.6875,
      1.25,
      2.75,
      1.3125,
      2.8125,
      1.375,
      2.875,
      1.4375,
      2.9375
    ],
    "SoftwareVersions": "27\\LX\\MR Software release:DV26.0_R03_1831.b",
    "SpacingBetweenSlices": 3.4,
    "StationName": "FMRI3tb",
    "TaskName": "Resting state with eyes open.",
    "TotalReadoutTime": 0.026208,
    "TriggerDelayTime": 599938,
    "dataset": "ds004215",
    "modality": "bold",
    "session_id": "01",
    "subject_id": "ON39384",
    "task_id": "rest"
  },
  "dummy_trs": 1,
  "dvars_nstd": 11.782364570505047,
  "dvars_std": 1.1642824030808083,
  "dvars_vstd": 0.9571793181313133,
  "efc": 0.47684469196766494,
  "fber": 4246.74267578125,
  "fd_mean": 0.06937426225645611,
  "fd_num": 6,
  "fd_perc": 3.0150753768844223,
  "fwhm_avg": 2.533766916957895,
  "fwhm_x": 2.438077090909091,
  "fwhm_y": 2.379624727272727,
  "fwhm_z": 2.7835989326918655,
  "gcor": 0.0460238,
  "gsr_x": -0.011289644986391068,
  "gsr_y": 0.050824422389268875,
  "provenance": {
    "md5sum": "d5fc07b4d8b6631610f64a223d821257",
    "settings": {
      "fd_thres": 0.2,
      "testing": false
    },
    "software": "mriqc",
    "version": "22.0.6",
    "webapi_port": null,
    "webapi_url": "https://mriqc.nimh.nih.gov/api/v1"
  },
  "size_t": 199,
  "size_x": 64,
  "size_y": 64,
  "size_z": 48,
  "snr": 4.557451737706607,
  "spacing_tr": 3.0,
  "spacing_x": 3.4375,
  "spacing_y": 3.4375,
  "spacing_z": 3.3999977111816406,
  "summary_bg_k": 17.07609025935841,
  "summary_bg_mad": 15.384794750077633,
  "summary_bg_mean": 157.60276794433594,
  "summary_bg_median": 37.944725036621094,
  "summary_bg_n": 134220.0,
  "summary_bg_p05": 24.020099639892578,
  "summary_bg_p95": 757.2336730957014,
  "summary_bg_stdv": 283.6062316894531,
  "summary_fg_k": 1.0619196804728368,
  "summary_fg_mad": 497.5768327617236,
  "summary_fg_mean": 2480.9306640625,
  "summary_fg_median": 2415.48486328125,
  "summary_fg_n": 26408.0,
  "summary_fg_p05": 1727.277880859375,
  "summary_fg_p95": 3439.6720703124993,
  "summary_fg_stdv": 529.9977416992188,
  "tsnr": 115.53763500531204
}