{
  "aor": 0.004477688442211055,
  "aqi": 0.0019704795376884426,
  "bids_meta": {
    "AcquisitionMatrixPE": 64,
    "AcquisitionNumber": 1,
    "AcquisitionTime": "16:02:8.000000",
    "BodyPartExamined": "BRAIN",
    "CoilString": "32Ch Head",
    "ConversionSoftware": "dcm2niix",
    "ConversionSoftwareVersion": "v1.0.20211006",
    "Dcm2bidsVersion": "2.1.6",
    "DeviceSerialNumber": "000301496MR3T6MR",
    "EchoTime": 0.0169,
    "EffectiveEchoSpacing": 0.000416,
    "FlipAngle": 90,
    "ImageOrientationPatientDICOM": [
      1,
      0,
      0,
      0,
      1,
      0
    ],
    "ImageType": [
      "ORIGINAL",
      "PRIMARY",
      "OTHER"
    ],
    "ImagingFrequency": 127.697,
    "InPlanePhaseEncodingDirectionDICOM": "COL",
    "InstitutionName": "NIH FMRIF",
    "InternalPulseSequenceName": "EPI",
    "MRAcquisitionType": "2D",
    "MagneticFieldStrength": 3,
    "Manufacturer": "GE",
    "ManufacturersModelName": "DISCOVERY MR750",
    "Modality": "MR",
    "PatientPosition": "HFS",
    "PercentPhaseFOV": 100,
    "PercentSampling": 100,
    "PhaseEncodingDirection": "j",
    "PhaseEncodingPolarityGE": "Flipped",
    "PixelBandwidth": 7812.5,
    "ProcedureStepDescription": "MRI Brain",
    "ProtocolName": "ADNI3 FMRIF Enhanced Pro",
    "PulseSequenceName": "epi",
    "ReconMatrixPE": 64,
    "RepetitionTime": 3,
    "SAR": 0.191508,
    "ScanOptions": "MP_GEMS\\EPI_GEMS\\PFF",
    "ScanningSequence": "EP\\GR",
    "SequenceVariant": "SS",
    "SeriesDescription": "Axial rsfMRI with Eyes Open - RKV",
    "SeriesNumber": 11,
    "SliceThickness": 3.4,
    "SliceTiming": [
      0,
      1.5,
      0.0625,
      1.5625,
      0.125,
      1.625,
      0.1875,
      1.6875,
      0.25,
      1.75,
      0.3125,
      1.8125,
      0.375,
      1.875,
      0.4375,
      1.9375,
      0.5,
      2,
      0.5625,
      2.0625,
      0.625,
      2.125,
      0.6875,
      2.1875,
      0.75,
      2.25,
      0.8125,
      2.3125,
      0.875,
      2.375,
      0.9375,
      2.4375,
      1,
      2.5,
      1.0625,
      2.5625,
      1.125,
      2.625,
      1.1875,
      2.6875,
      1.25,
      2.75,
      1.3125,
      2.8125,
      1.375,
      2.875,
      1.4375,
      2.9375
    ],
    "SoftwareVersions": "27\\LX\\MR Software release:DV26.0_R01_1725.a",
    "SpacingBetweenSlices": 3.4,
    "StationName": "fmrif3tb",
    "TaskName": "Resting state with eyes open.",
    "TotalReadoutTime": 0.026208,
    "TriggerDelayTime": 599938,
    "dataset": "ds004215",
    "modality": "bold",
    "session_id": "01",
    "subject_id": "ON28693",
    "task_id": "rest"
  },
  "dummy_trs": 1,
  "dvars_nstd": 12.274917243636358,
  "dvars_std": 1.1639806168181819,
  "dvars_vstd": 0.9768594213131312,
  "efc": 0.4929560380866237,
  "fber": 3927.68310546875,
  "fd_mean": 0.07682743298177441,
  "fd_num": 9,
  "fd_perc": 4.522613065326633,
  "fwhm_avg": 2.875077354412756,
  "fwhm_x": 2.807671272727273,
  "fwhm_y": 2.622091636363636,
  "fwhm_z": 3.1954691541473594,
  "gcor": 0.0295015,
  "gsr_x": 0.009976446628570557,
  "gsr_y": 0.05304503068327904,
  "provenance": {
    "md5sum": "ec746d36529ace690f8b05a3f8aa4486",
    "settings": {
      "fd_thres": 0.2,
      "testing": false
    },
    "software": "mriqc",
    "version": "22.0.6",
    "webapi_port": null,
    "webapi_url": "https://mriqc.nimh.nih.gov/api/v1"
  },
  "size_t": 199,
  "size_x": 64,
  "size_y": 64,
  "size_z": 48,
  "snr": 3.514411399244169,
  "spacing_tr": 3.0,
  "spacing_x": 3.4375,
  "spacing_y": 3.4375,
  "spacing_z": 3.4000015258789062,
  "summary_bg_k": 19.683161227090846,
  "summary_bg_mad": 17.657121998257043,
  "summary_bg_mean": 165.8669891357422,
  "summary_bg_median": 40.824119567871094,
  "summary_bg_n": 126472.0,
  "summary_bg_p05": 23.444974327087404,
  "summary_bg_p95": 836.1680847167969,
  "summary_bg_stdv": 324.22314453125,
  "summary_fg_k": 3.1998187227480406,
  "summary_fg_mad": 615.7157246522565,
  "summary_fg_mean": 2681.971435546875,
  "summary_fg_median": 2577.404541015625,
  "summary_fg_n": 29508.0,
  "summary_fg_p05": 1700.691912841797,
  "summary_fg_p95": 3986.877758789062,
  "summary_fg_stdv": 733.369140625,
  "tsnr": 95.99188700364903
}