{
  "aor": 0.03911,
  "aqi": 0.0007802972222222223,
  "bids_meta": {
    "AcquisitionMatrixPE": 64,
    "AcquisitionNumber": 1,
    "AcquisitionTime": "16:12:59.000000",
    "BodyPartExamined": "BRAIN",
    "CoilString": "32Ch Head",
    "ConversionSoftware": "dcm2niix",
    "ConversionSoftwareVersion": "v1.0.20211006",
    "Dcm2bidsVersion": "2.1.6",
    "DeviceSerialNumber": "000301496MR3T6MR",
    "EchoTime": 0.0169,
    "EffectiveEchoSpacing": 0.000416,
    "FlipAngle": 90,
    "ImageOrientationPatientDICOM": [
      1,
      0,
      0,
      0,
      1,
      0
    ],
    "ImageType": [
      "ORIGINAL",
      "PRIMARY",
      "OTHER"
    ],
    "ImagingFrequency": 127.697,
    "InPlanePhaseEncodingDirectionDICOM": "COL",
    "InstitutionName": "NIH FMRIF",
    "InternalPulseSequenceName": "EPI",
    "MRAcquisitionType": "2D",
    "MagneticFieldStrength": 3,
    "Manufacturer": "GE",
    "ManufacturersModelName": "DISCOVERY MR750",
    "Modality": "MR",
    "PatientPosition": "HFS",
    "PercentPhaseFOV": 100,
    "PercentSampling": 100,
    "PhaseEncodingDirection": "j-",
    "PhaseEncodingPolarityGE": "Unflipped",
    "PixelBandwidth": 7812.5,
    "ProcedureStepDescription": "MRI Brain",
    "ProtocolName": "ADNI3 FMRIF Enhanced Pro",
    "PulseSequenceName": "epi",
    "ReconMatrixPE": 64,
    "RepetitionTime": 3,
    "SAR": 0.189524,
    "ScanOptions": "MP_GEMS\\EPI_GEMS\\PFF",
    "ScanningSequence": "EP\\GR",
    "SequenceVariant": "SS",
    "SeriesDescription": "Axial rsfMRI reverse blip - RKV",
    "SeriesNumber": 12,
    "SliceThickness": 3.4,
    "SliceTiming": [
      0,
      1.5,
      0.0625,
      1.5625,
      0.125,
      1.625,
      0.1875,
      1.6875,
      0.25,
      1.75,
      0.3125,
      1.8125,
      0.375,
      1.875,
      0.4375,
      1.9375,
      0.5,
      2,
      0.5625,
      2.0625,
      0.625,
      2.125,
      0.6875,
      2.1875,
      0.75,
      2.25,
      0.8125,
      2.3125,
      0.875,
      2.375,
      0.9375,
      2.4375,
      1,
      2.5,
      1.0625,
      2.5625,
      1.125,
      2.625,
      1.1875,
      2.6875,
      1.25,
      2.75,
      1.3125,
      2.8125,
      1.375,
      2.875,
      1.4375,
      2.9375
    ],
    "SoftwareVersions": "27\\LX\\MR Software release:DV26.0_R01_1725.a",
    "SpacingBetweenSlices": 3.4,
    "StationName": "fmrif3tb",
    "TaskName": "Resting state with reverse blip.",
    "TotalReadoutTime": 0.026208,
    "TriggerDelayTime": 29938,
    "dataset": "ds004215",
    "modality": "bold",
    "session_id": "01",
    "subject_id": "ON28693",
    "task_id": "rest"
  },
  "dummy_trs": 1,
  "dvars_nstd": 15.463472127500001,
  "dvars_std": 1.75301095875,
  "dvars_vstd": 1.3987246000000002,
  "efc": 0.5057926156926574,
  "fber": 4097.11376953125,
  "fd_mean": 0.03892386200043378,
  "fd_num": 0,
  "fd_perc": 0.0,
  "fwhm_avg": 2.7968854242006054,
  "fwhm_x": 2.679860363636364,
  "fwhm_y": 2.7911854545454546,
  "fwhm_z": 2.9196104544199977,
  "gcor": 0.0265031,
  "gsr_x": 0.006596100050956011,
  "gsr_y": 0.05688244849443436,
  "provenance": {
    "md5sum": "e428b128dfa82cf940d3d49ea4c9ca7f",
    "settings": {
      "fd_thres": 0.2,
      "testing": false
    },
    "software": "mriqc",
    "version": "22.0.6",
    "webapi_port": null,
    "webapi_url": "https://mriqc.nimh.nih.gov/api/v1"
  },
  "size_t": 9,
  "size_x": 64,
  "size_y": 64,
  "size_z": 48,
  "snr": 4.027164334093956,
  "spacing_tr": 3.0,
  "spacing_x": 3.4375,
  "spacing_y": 3.4375,
  "spacing_z": 3.4000015258789062,
  "summary_bg_k": 15.291482479466122,
  "summary_bg_mad": 15.155488087906457,
  "summary_bg_mean": 160.527587890625,
  "summary_bg_median": 39.22222137451172,
  "summary_bg_n": 123765.0,
  "summary_bg_p05": 25.22222328186035,
  "summary_bg_p95": 820.6444580078112,
  "summary_bg_stdv": 304.6285400390625,
  "summary_fg_k": 0.4210594881233498,
  "summary_fg_mad": 581.3447630158707,
  "summary_fg_mean": 2627.724365234375,
  "summary_fg_median": 2548.666748046875,
  "summary_fg_n": 31086.0,
  "summary_fg_p05": 1701.2222900390625,
  "summary_fg_p95": 3794.9166870117188,
  "summary_fg_stdv": 632.858642578125,
  "tsnr": 198.43776838108897
}