{
  "aor": 0.03191444444444445,
  "aqi": 0.0008706448888888889,
  "bids_meta": {
    "AcquisitionMatrixPE": 64,
    "AcquisitionNumber": 1,
    "AcquisitionTime": "15:05:21.000000",
    "BodyPartExamined": "BRAIN",
    "CoilString": "32Ch Head",
    "ConversionSoftware": "dcm2niix",
    "ConversionSoftwareVersion": "v1.0.20211006",
    "Dcm2bidsVersion": "2.1.6",
    "DeviceSerialNumber": "000301496MR3T6MR",
    "EchoTime": 0.0169,
    "EffectiveEchoSpacing": 0.000416,
    "FlipAngle": 90,
    "ImageOrientationPatientDICOM": [
      1,
      0,
      0,
      0,
      1,
      0
    ],
    "ImageType": [
      "ORIGINAL",
      "PRIMARY",
      "OTHER"
    ],
    "ImagingFrequency": 127.696,
    "InPlanePhaseEncodingDirectionDICOM": "COL",
    "InstitutionName": "NIH FMRIF",
    "InternalPulseSequenceName": "EPI",
    "MRAcquisitionType": "2D",
    "MagneticFieldStrength": 3,
    "Manufacturer": "GE",
    "ManufacturersModelName": "DISCOVERY MR750",
    "Modality": "MR",
    "PatientPosition": "HFS",
    "PercentPhaseFOV": 100,
    "PercentSampling": 100,
    "PhaseEncodingDirection": "j-",
    "PhaseEncodingPolarityGE": "Unflipped",
    "PixelBandwidth": 7812.5,
    "ProcedureStepDescription": "MRI Brain",
    "ProtocolName": "ADNI3 FMRIF Enhanced Pro",
    "PulseSequenceName": "epi",
    "ReconMatrixPE": 64,
    "RepetitionTime": 3,
    "SAR": 0.206718,
    "ScanOptions": "MP_GEMS\\EPI_GEMS\\PFF",
    "ScanningSequence": "EP\\GR",
    "SequenceVariant": "SS",
    "SeriesDescription": "Axial rsfMRI reverse blip - RKV",
    "SeriesNumber": 11,
    "SliceThickness": 3.4,
    "SliceTiming": [
      0,
      1.5,
      0.0625,
      1.5625,
      0.125,
      1.625,
      0.1875,
      1.6875,
      0.25,
      1.75,
      0.3125,
      1.8125,
      0.375,
      1.875,
      0.4375,
      1.9375,
      0.5,
      2,
      0.5625,
      2.0625,
      0.625,
      2.125,
      0.6875,
      2.1875,
      0.75,
      2.25,
      0.8125,
      2.3125,
      0.875,
      2.375,
      0.9375,
      2.4375,
      1,
      2.5,
      1.0625,
      2.5625,
      1.125,
      2.625,
      1.1875,
      2.6875,
      1.25,
      2.75,
      1.3125,
      2.8125,
      1.375,
      2.875,
      1.4375,
      2.9375
    ],
    "SoftwareVersions": "27\\LX\\MR Software release:DV26.0_R03_1831.b",
    "SpacingBetweenSlices": 3.4,
    "StationName": "FMRI3tb",
    "TaskName": "Resting state with reverse blip.",
    "TotalReadoutTime": 0.026208,
    "TriggerDelayTime": 29938,
    "dataset": "ds004215",
    "modality": "bold",
    "session_id": "01",
    "subject_id": "ON35773",
    "task_id": "rest"
  },
  "dummy_trs": 1,
  "dvars_nstd": 12.16619026625,
  "dvars_std": 1.33978553125,
  "dvars_vstd": 1.33932924375,
  "efc": 0.5277896461846496,
  "fber": 3260.05126953125,
  "fd_mean": 0.06057384861824204,
  "fd_num": 0,
  "fd_perc": 0.0,
  "fwhm_avg": 2.7839518417032374,
  "fwhm_x": 2.6417832727272725,
  "fwhm_y": 2.6980130909090905,
  "fwhm_z": 3.0120591614733483,
  "gcor": 0.0313541,
  "gsr_x": 0.00419982336461544,
  "gsr_y": 0.08207423239946365,
  "provenance": {
    "md5sum": "a41ce29e2635fac9ca83cb69a25abe33",
    "settings": {
      "fd_thres": 0.2,
      "testing": false
    },
    "software": "mriqc",
    "version": "22.0.6",
    "webapi_port": null,
    "webapi_url": "https://mriqc.nimh.nih.gov/api/v1"
  },
  "size_t": 9,
  "size_x": 64,
  "size_y": 64,
  "size_z": 48,
  "snr": 3.9267421017948845,
  "spacing_tr": 3.0,
  "spacing_x": 3.4375,
  "spacing_y": 3.4375,
  "spacing_z": 3.3999996185302734,
  "summary_bg_k": 11.786470199604166,
  "summary_bg_mad": 21.909564546894277,
  "summary_bg_mean": 216.27740478515625,
  "summary_bg_median": 44.22222137451172,
  "summary_bg_n": 122773.0,
  "summary_bg_p05": 24.0,
  "summary_bg_p95": 1116.911132812498,
  "summary_bg_stdv": 399.81890869140625,
  "summary_fg_k": 1.575898725465123,
  "summary_fg_mad": 545.8446564525738,
  "summary_fg_mean": 2572.591552734375,
  "summary_fg_median": 2493.5,
  "summary_fg_n": 32656.0,
  "summary_fg_p05": 1626.0,
  "summary_fg_p95": 3690.7222900390625,
  "summary_fg_stdv": 634.9950561523438,
  "tsnr": 185.35200649872422
}