{
  "aor": 0.0018427638190954775,
  "aqi": 0.0029936475376884423,
  "bids_meta": {
    "AcquisitionMatrixPE": 64,
    "AcquisitionNumber": 1,
    "AcquisitionTime": "15:51:17.000000",
    "BodyPartExamined": "BRAIN",
    "CoilString": "32Ch Head",
    "ConversionSoftware": "dcm2niix",
    "ConversionSoftwareVersion": "v1.0.20211006",
    "Dcm2bidsVersion": "2.1.6",
    "DeviceSerialNumber": "000301496MR3T6MR",
    "EchoTime": 0.0169,
    "EffectiveEchoSpacing": 0.000416,
    "FlipAngle": 90,
    "ImageOrientationPatientDICOM": [
      1,
      0,
      0,
      0,
      1,
      0
    ],
    "ImageType": [
      "ORIGINAL",
      "PRIMARY",
      "OTHER"
    ],
    "ImagingFrequency": 127.697,
    "InPlanePhaseEncodingDirectionDICOM": "COL",
    "InstitutionName": "NIH FMRIF",
    "InternalPulseSequenceName": "EPI",
    "MRAcquisitionType": "2D",
    "MagneticFieldStrength": 3,
    "Manufacturer": "GE",
    "ManufacturersModelName": "DISCOVERY MR750",
    "Modality": "MR",
    "PatientPosition": "HFS",
    "PercentPhaseFOV": 100,
    "PercentSampling": 100,
    "PhaseEncodingDirection": "j",
    "PhaseEncodingPolarityGE": "Flipped",
    "PixelBandwidth": 7812.5,
    "ProcedureStepDescription": "MRI Brain",
    "ProtocolName": "ADNI3 FMRIF Enhanced Pro",
    "PulseSequenceName": "epi",
    "ReconMatrixPE": 64,
    "RepetitionTime": 3,
    "SAR": 0.179197,
    "ScanOptions": "MP_GEMS\\EPI_GEMS\\PFF",
    "ScanningSequence": "EP\\GR",
    "SequenceVariant": "SS",
    "SeriesDescription": "Axial rsfMRI with Eyes Open - RKV",
    "SeriesNumber": 11,
    "SliceThickness": 3.4,
    "SliceTiming": [
      0,
      1.5,
      0.0625,
      1.5625,
      0.125,
      1.625,
      0.1875,
      1.6875,
      0.25,
      1.75,
      0.3125,
      1.8125,
      0.375,
      1.875,
      0.4375,
      1.9375,
      0.5,
      2,
      0.5625,
      2.0625,
      0.625,
      2.125,
      0.6875,
      2.1875,
      0.75,
      2.25,
      0.8125,
      2.3125,
      0.875,
      2.375,
      0.9375,
      2.4375,
      1,
      2.5,
      1.0625,
      2.5625,
      1.125,
      2.625,
      1.1875,
      2.6875,
      1.25,
      2.75,
      1.3125,
      2.8125,
      1.375,
      2.875,
      1.4375,
      2.9375
    ],
    "SoftwareVersions": "27\\LX\\MR Software release:DV26.0_R01_1725.a",
    "SpacingBetweenSlices": 3.4,
    "StationName": "fmrif3tb",
    "TaskName": "Resting state with eyes open.",
    "TotalReadoutTime": 0.026208,
    "TriggerDelayTime": 599938,
    "dataset": "ds004215",
    "modality": "bold",
    "session_id": "01",
    "subject_id": "ON87313",
    "task_id": "rest"
  },
  "dummy_trs": 1,
  "dvars_nstd": 17.098822569646455,
  "dvars_std": 1.5291862314141422,
  "dvars_vstd": 0.899421607878788,
  "efc": 0.4620107291718112,
  "fber": 4522.1884765625,
  "fd_mean": 0.07617477512857174,
  "fd_num": 4,
  "fd_perc": 2.0100502512562812,
  "fwhm_avg": 2.6839929066968256,
  "fwhm_x": 2.672078545454545,
  "fwhm_y": 2.4228654545454544,
  "fwhm_z": 2.957034720090476,
  "gcor": 0.0112934,
  "gsr_x": 0.008467118255794048,
  "gsr_y": 0.01563950814306736,
  "provenance": {
    "md5sum": "8f3d9991a743ff1087dd6c6bc563b207",
    "settings": {
      "fd_thres": 0.2,
      "testing": false
    },
    "software": "mriqc",
    "version": "22.0.6",
    "webapi_port": null,
    "webapi_url": "https://mriqc.nimh.nih.gov/api/v1"
  },
  "size_t": 199,
  "size_x": 64,
  "size_y": 64,
  "size_z": 48,
  "snr": 3.986454091812678,
  "spacing_tr": 3.0,
  "spacing_x": 3.4375,
  "spacing_y": 3.4375,
  "spacing_z": 3.399993896484375,
  "summary_bg_k": 18.40760459464396,
  "summary_bg_mad": 16.360775416199104,
  "summary_bg_mean": 137.79624938964844,
  "summary_bg_median": 38.29648208618164,
  "summary_bg_n": 134175.0,
  "summary_bg_p05": 22.783920288085938,
  "summary_bg_p95": 692.885919189453,
  "summary_bg_stdv": 259.2880859375,
  "summary_fg_k": 1.4674301794580664,
  "summary_fg_mad": 528.834365935591,
  "summary_fg_mean": 2607.4697265625,
  "summary_fg_median": 2504.472412109375,
  "summary_fg_n": 26583.0,
  "summary_fg_p05": 1739.4748046875,
  "summary_fg_p95": 3774.258178710937,
  "summary_fg_stdv": 628.2338256835938,
  "tsnr": 96.15968338167295
}