{
  "bids_meta": {
    "AcquisitionMatrixPE": 256,
    "AcquisitionNumber": 1,
    "AcquisitionTime": "09:38:55.000000",
    "BodyPartExamined": "BRAIN",
    "CoilString": "32Ch Head",
    "ConversionSoftware": "dcm2niix",
    "ConversionSoftwareVersion": "v1.0.20211006",
    "Dcm2bidsVersion": "2.1.6",
    "DeviceSerialNumber": "000301496mr3T5mr",
    "EchoTime": 0.065753,
    "EchoTrainLength": 140,
    "FlipAngle": 90,
    "ImageOrientationPatientDICOM": [
      0,
      1,
      0,
      0,
      0,
      -1
    ],
    "ImageType": [
      "ORIGINAL",
      "PRIMARY",
      "OTHER"
    ],
    "ImagingFrequency": 127.824,
    "InPlanePhaseEncodingDirectionDICOM": "ROW",
    "InstitutionName": "NIH FMRIF",
    "MRAcquisitionType": "3D",
    "MagneticFieldStrength": 3,
    "Manufacturer": "GE",
    "ManufacturersModelName": "DISCOVERY MR750",
    "Modality": "MR",
    "ParallelReductionFactorInPlane": 2,
    "ParallelReductionOutOfPlane": 1.5,
    "PatientPosition": "HFS",
    "PercentPhaseFOV": 100,
    "PercentSampling": 100,
    "PhaseEncodingAxis": "i",
    "PixelBandwidth": 244.141,
    "ProcedureStepDescription": "MRI Brain",
    "ProtocolName": "ADNI3 FMRIF Enhanced Pro",
    "ReconMatrixPE": 256,
    "RepetitionTime": 3.202,
    "SAR": 0.437,
    "ScanOptions": "SAT_GEMS\\EDR_GEMS\\PROMO_GEMS\\FILTERED_GEMS\\ACC_GEMS\\FS\\FR_GEMS",
    "ScanningSequence": "RM",
    "SequenceVariant": "NONE",
    "SeriesDescription": "Anat T2w CUBE (ABCD)",
    "SeriesNumber": 4,
    "SliceThickness": 1,
    "SoftwareVersions": "27\\LX\\MR Software release:DV26.0_R03_1831.b",
    "SpacingBetweenSlices": 1,
    "StationName": "FMRI3ta",
    "acq_id": "CUBE",
    "dataset": "ds004215",
    "modality": "T2w",
    "rec_id": "SCIC",
    "session_id": "01",
    "subject_id": "ON56250"
  },
  "cjv": 0.510248178009715,
  "cnr": 1.1945113258474773,
  "efc": 0.4285629087618042,
  "fber": 9557.017600000001,
  "fwhm_avg": 2.2748033333333333,
  "fwhm_x": 1.84379,
  "fwhm_y": 2.61411,
  "fwhm_z": 2.36651,
  "icvs_csf": 0.33249332498967904,
  "icvs_gm": 0.4726252907318062,
  "icvs_wm": 0.19488138427851476,
  "inu_med": 0.7825394868850708,
  "inu_range": 0.15069905519485471,
  "provenance": {
    "md5sum": "c4427ab2629a92c7ec01019a0e29fec6",
    "settings": {
      "testing": false
    },
    "software": "mriqc",
    "version": "22.0.6",
    "warnings": {
      "large_rot_frame": true,
      "small_air_mask": false
    },
    "webapi_port": null,
    "webapi_url": "https://mriqc.nimh.nih.gov/api/v1"
  },
  "qi_1": 0.0,
  "qi_2": 0.015476704064820327,
  "rpve_csf": 19.11926726181528,
  "rpve_gm": 15.254432876548092,
  "rpve_wm": 40.69585281567493,
  "size_x": 204,
  "size_y": 256,
  "size_z": 256,
  "snr_csf": 12.423121537479771,
  "snr_gm": 11.95029048695535,
  "snr_total": 8.819781273154502,
  "snr_wm": 2.0859317950283836,
  "snrd_csf": 70.6291017564037,
  "snrd_gm": 49.263167213967606,
  "snrd_total": 78.5333928301381,
  "snrd_wm": 115.70790952004299,
  "spacing_x": 1.0,
  "spacing_y": 1.0,
  "spacing_z": 1.0,
  "summary_bg_k": 191.60392804354726,
  "summary_bg_mad": 5.6644127199605485,
  "summary_bg_mean": 3.0693740546123003,
  "summary_bg_median": 3.820588320493698,
  "summary_bg_n": 3459435.0,
  "summary_bg_p05": 0.0,
  "summary_bg_p95": 8.498859733343124,
  "summary_bg_stdv": 4.103241685724833,
  "summary_csf_k": 0.3675531225200639,
  "summary_csf_mad": 47.4394565296696,
  "summary_csf_mean": 612.5689072901124,
  "summary_csf_median": 610.6703617572784,
  "summary_csf_n": 24592.0,
  "summary_csf_p05": 535.2546773023903,
  "summary_csf_p95": 695.2671538598835,
  "summary_csf_stdv": 49.15495221968012,
  "summary_gm_k": 0.28776499411658474,
  "summary_gm_mad": 35.286979240162395,
  "summary_gm_mean": 425.0683569352411,
  "summary_gm_median": 425.9371193423867,
  "summary_gm_n": 147419.0,
  "summary_gm_p05": 365.54843252152205,
  "summary_gm_p95": 481.2186932042241,
  "summary_gm_stdv": 35.64228628223758,
  "summary_wm_k": -1.642985146198731,
  "summary_wm_mad": 257.846379017796,
  "summary_wm_mean": 711.4463004021717,
  "summary_wm_median": 1000.4288488402963,
  "summary_wm_n": 49525.0,
  "summary_wm_p05": 26.41274068504572,
  "summary_wm_p95": 1177.4780304595827,
  "summary_wm_stdv": 479.60280912968284,
  "tpm_overlap_csf": 0.09604176961357576,
  "tpm_overlap_gm": 0.30383992210521893,
  "tpm_overlap_wm": 0.04233596816583222,
  "wm2max": 0.8466581192518258
}