{
  "bids_meta": {
    "AcquisitionMatrixPE": 256,
    "AcquisitionNumber": 1,
    "AcquisitionTime": "15:03:52.000000",
    "BodyPartExamined": "BRAIN",
    "CoilString": "32Ch Head",
    "ConversionSoftware": "dcm2niix",
    "ConversionSoftwareVersion": "v1.0.20211006",
    "Dcm2bidsVersion": "2.1.6",
    "DeviceSerialNumber": "000301496MR3T6MR",
    "EchoTime": 0.00292,
    "FlipAngle": 8,
    "ImageOrientationPatientDICOM": [
      0,
      1,
      0,
      0,
      0,
      -1
    ],
    "ImageType": [
      "ORIGINAL",
      "PRIMARY",
      "OTHER"
    ],
    "ImagingFrequency": 127.697,
    "InPlanePhaseEncodingDirectionDICOM": "ROW",
    "InstitutionName": "NIH FMRIF",
    "InversionTime": 1.06,
    "MRAcquisitionType": "3D",
    "MagneticFieldStrength": 3,
    "Manufacturer": "GE",
    "ManufacturersModelName": "DISCOVERY MR750",
    "Modality": "MR",
    "ParallelReductionFactorInPlane": 2,
    "ParallelReductionOutOfPlane": 2,
    "PatientPosition": "HFS",
    "PercentPhaseFOV": 100,
    "PercentSampling": 100,
    "PixelBandwidth": 244.141,
    "ProcedureStepDescription": "MRI Brain",
    "ProtocolName": "ADNI3 FMRIF Enhanced Pro",
    "ReconMatrixPE": 256,
    "RepetitionTime": 0.006952,
    "SAR": 0.0959729,
    "ScanOptions": "EDR_GEMS\\PROMO_GEMS\\ACC_GEMS\\IR_GEMS",
    "ScanningSequence": "RM",
    "SequenceVariant": "NONE",
    "SeriesDescription": "ORIG Anat T1w MP-RAGE 1mm (ABCD)",
    "SeriesNumber": 40003,
    "SliceThickness": 1,
    "SoftwareVersions": "27\\LX\\MR Software release:DV26.0_R03_1831.b",
    "SpacingBetweenSlices": 1,
    "StationName": "FMRI3tb",
    "acq_id": "MPRAGE",
    "dataset": "ds004215",
    "modality": "T1w",
    "session_id": "01",
    "subject_id": "ON44262"
  },
  "cjv": 0.40393872384214896,
  "cnr": 3.275628938344228,
  "efc": 0.41282012689777986,
  "fber": 8914.946506039138,
  "fwhm_avg": 3.8495933333333334,
  "fwhm_x": 3.74548,
  "fwhm_y": 3.99857,
  "fwhm_z": 3.80473,
  "icvs_csf": 0.22758381547606055,
  "icvs_gm": 0.39328392720477023,
  "icvs_wm": 0.3791322573191692,
  "inu_med": 0.8122967481613159,
  "inu_range": 0.5057955086231232,
  "provenance": {
    "md5sum": "fa2875d471376eaed34172ddaad75876",
    "settings": {
      "testing": false
    },
    "software": "mriqc",
    "version": "22.0.6",
    "warnings": {
      "large_rot_frame": true,
      "small_air_mask": false
    },
    "webapi_port": null,
    "webapi_url": "https://mriqc.nimh.nih.gov/api/v1"
  },
  "qi_1": 0.0,
  "qi_2": 0.0014846714801197486,
  "rpve_csf": 30.58996743964601,
  "rpve_gm": 17.554702340371275,
  "rpve_wm": 22.127990083345566,
  "size_x": 208,
  "size_y": 256,
  "size_z": 256,
  "snr_csf": 1.109619771429035,
  "snr_gm": 7.774365437844897,
  "snr_total": 9.214700533562562,
  "snr_wm": 18.760116391413757,
  "snrd_csf": 8.200373913054026,
  "snrd_gm": 44.90729604496476,
  "snrd_total": 40.137260759922434,
  "snrd_wm": 67.30411232174852,
  "spacing_x": 1.0,
  "spacing_y": 1.0,
  "spacing_z": 1.0,
  "summary_bg_k": 2.406397999179042,
  "summary_bg_mad": 9.734341802494187,
  "summary_bg_mean": 10.578795384062317,
  "summary_bg_median": 6.56571377068758,
  "summary_bg_n": 4342153.0,
  "summary_bg_p05": 0.0,
  "summary_bg_p95": 31.614101566374302,
  "summary_bg_stdv": 10.661856891227044,
  "summary_csf_k": 1.596974363651543,
  "summary_csf_mad": 80.82879768371619,
  "summary_csf_mean": 155.72063966317958,
  "summary_csf_median": 121.8452257849276,
  "summary_csf_n": 26620.0,
  "summary_csf_p05": 36.206305995583534,
  "summary_csf_p95": 386.08674097806215,
  "summary_csf_stdv": 109.80602571949355,
  "summary_gm_k": 0.021375859661302954,
  "summary_gm_mad": 82.82630712873667,
  "summary_gm_mean": 667.0432532457938,
  "summary_gm_median": 667.2548939846456,
  "summary_gm_n": 20334.0,
  "summary_gm_p05": 523.1298862975091,
  "summary_gm_p95": 811.2280932608991,
  "summary_gm_stdv": 85.82545955012341,
  "summary_wm_k": 0.3652396118943,
  "summary_wm_mad": 51.597638340388265,
  "summary_wm_mean": 1001.0673008019455,
  "summary_wm_median": 1000.037906691432,
  "summary_wm_n": 212944.0,
  "summary_wm_p05": 915.5565260350704,
  "summary_wm_p95": 1089.794629625976,
  "summary_wm_stdv": 53.306468771281565,
  "tpm_overlap_csf": 0.14648471360474324,
  "tpm_overlap_gm": 0.4496192108214973,
  "tpm_overlap_wm": 0.5147246328469278,
  "wm2max": 0.5878153791241886
}