{
  "bids_meta": {
    "AcquisitionMatrixPE": 256,
    "AcquisitionNumber": 1,
    "AcquisitionTime": "15:10:36.000000",
    "BodyPartExamined": "BRAIN",
    "CoilString": "32Ch Head",
    "ConversionSoftware": "dcm2niix",
    "ConversionSoftwareVersion": "v1.0.20211006",
    "Dcm2bidsVersion": "2.1.6",
    "DeviceSerialNumber": "000301496MR3T6MR",
    "EchoTime": 0.065618,
    "EchoTrainLength": 140,
    "FlipAngle": 90,
    "ImageOrientationPatientDICOM": [
      0,
      1,
      0,
      0,
      0,
      -1
    ],
    "ImageType": [
      "ORIGINAL",
      "PRIMARY",
      "OTHER"
    ],
    "ImagingFrequency": 127.697,
    "InPlanePhaseEncodingDirectionDICOM": "ROW",
    "InstitutionName": "NIH FMRIF",
    "MRAcquisitionType": "3D",
    "MagneticFieldStrength": 3,
    "Manufacturer": "GE",
    "ManufacturersModelName": "DISCOVERY MR750",
    "Modality": "MR",
    "ParallelReductionFactorInPlane": 2,
    "ParallelReductionOutOfPlane": 1.5,
    "PatientPosition": "HFS",
    "PercentPhaseFOV": 100,
    "PercentSampling": 100,
    "PhaseEncodingAxis": "i",
    "PixelBandwidth": 244.141,
    "ProcedureStepDescription": "MRI Brain",
    "ProtocolName": "ADNI3 FMRIF Enhanced Pro",
    "ReconMatrixPE": 256,
    "RepetitionTime": 3.202,
    "SAR": 0.4595,
    "ScanOptions": "SAT_GEMS\\EDR_GEMS\\PROMO_GEMS\\ACC_GEMS\\FS\\FR_GEMS",
    "ScanningSequence": "RM",
    "SequenceVariant": "NONE",
    "SeriesDescription": "ORIG Anat T2w CUBE (ABCD)",
    "SeriesNumber": 40004,
    "SliceThickness": 1,
    "SoftwareVersions": "27\\LX\\MR Software release:DV26.0_R03_1831.b",
    "SpacingBetweenSlices": 1,
    "StationName": "FMRI3tb",
    "acq_id": "CUBE",
    "dataset": "ds004215",
    "modality": "T2w",
    "session_id": "01",
    "subject_id": "ON44262"
  },
  "cjv": 1.1319283427461588,
  "cnr": 1.0431566034256927,
  "efc": 0.3733409317890471,
  "fber": 9821.318211702828,
  "fwhm_avg": 2.4575833333333335,
  "fwhm_x": 2.0374,
  "fwhm_y": 2.67419,
  "fwhm_z": 2.66116,
  "icvs_csf": 0.28933390610882925,
  "icvs_gm": 0.20640283001757279,
  "icvs_wm": 0.504263263873598,
  "inu_med": 0.9195575714111328,
  "inu_range": 0.5247144341468811,
  "provenance": {
    "md5sum": "dfc67040336f287e8a5e2eb8fb23e5b4",
    "settings": {
      "testing": false
    },
    "software": "mriqc",
    "version": "22.0.6",
    "warnings": {
      "large_rot_frame": true,
      "small_air_mask": false
    },
    "webapi_port": null,
    "webapi_url": "https://mriqc.nimh.nih.gov/api/v1"
  },
  "qi_1": 7.518974620848322e-05,
  "qi_2": 0.016296539069752713,
  "rpve_csf": 21.462065053563038,
  "rpve_gm": 37.599896240991576,
  "rpve_wm": 15.29668145347005,
  "size_x": 204,
  "size_y": 256,
  "size_z": 256,
  "snr_csf": 11.409247693879054,
  "snr_gm": 1.8550036924634186,
  "snr_total": 8.463928954226013,
  "snr_wm": 12.127535476335565,
  "snrd_csf": 71.16923009573146,
  "snrd_gm": 115.81535492344406,
  "snrd_total": 79.17456112010086,
  "snrd_wm": 50.539098341127065,
  "spacing_x": 1.0,
  "spacing_y": 1.0,
  "spacing_z": 1.0,
  "summary_bg_k": 2.8352679083314642,
  "summary_bg_mad": 0.0,
  "summary_bg_mean": 9.332840026628523,
  "summary_bg_median": 0.0,
  "summary_bg_n": 4148182.0,
  "summary_bg_p05": 0.0,
  "summary_bg_p95": 34.777188286185265,
  "summary_bg_stdv": 12.963769365011734,
  "summary_csf_k": 0.29798622278979403,
  "summary_csf_mad": 120.95520445697001,
  "summary_csf_mean": 1412.9375182624235,
  "summary_csf_median": 1408.2891514599323,
  "summary_csf_n": 18640.0,
  "summary_csf_p05": 1220.2492683447897,
  "summary_csf_p95": 1624.247388504818,
  "summary_csf_stdv": 123.4306952343779,
  "summary_gm_k": -1.5119802580938517,
  "summary_gm_mad": 1378.7414864037048,
  "summary_gm_mean": 1798.491427976156,
  "summary_gm_median": 2291.7419184073806,
  "summary_gm_n": 45821.0,
  "summary_gm_p05": 76.09847114235163,
  "summary_gm_p95": 3541.850955404341,
  "summary_gm_stdv": 1235.4244468793145,
  "summary_wm_k": -0.014843100036940005,
  "summary_wm_mad": 83.34728374345832,
  "summary_wm_mean": 999.8568628458158,
  "summary_wm_median": 1000.0622997134924,
  "summary_wm_n": 186170.0,
  "summary_wm_p05": 864.5683797597885,
  "summary_wm_p95": 1134.434374883771,
  "summary_wm_stdv": 82.46189968082348,
  "tpm_overlap_csf": 0.108144416822035,
  "tpm_overlap_gm": 0.12208213428951913,
  "tpm_overlap_wm": 0.4599043646797197,
  "wm2max": 0.29428162711367056
}