{
  "bids_meta": {
    "AcquisitionMatrixPE": 256,
    "AcquisitionNumber": 1,
    "AcquisitionTime": "15:10:36.000000",
    "BodyPartExamined": "BRAIN",
    "CoilString": "32Ch Head",
    "ConversionSoftware": "dcm2niix",
    "ConversionSoftwareVersion": "v1.0.20211006",
    "Dcm2bidsVersion": "2.1.6",
    "DeviceSerialNumber": "000301496MR3T6MR",
    "EchoTime": 0.065618,
    "EchoTrainLength": 140,
    "FlipAngle": 90,
    "ImageOrientationPatientDICOM": [
      0,
      1,
      0,
      0,
      0,
      -1
    ],
    "ImageType": [
      "ORIGINAL",
      "PRIMARY",
      "OTHER"
    ],
    "ImagingFrequency": 127.697,
    "InPlanePhaseEncodingDirectionDICOM": "ROW",
    "InstitutionName": "NIH FMRIF",
    "MRAcquisitionType": "3D",
    "MagneticFieldStrength": 3,
    "Manufacturer": "GE",
    "ManufacturersModelName": "DISCOVERY MR750",
    "Modality": "MR",
    "ParallelReductionFactorInPlane": 2,
    "ParallelReductionOutOfPlane": 1.5,
    "PatientPosition": "HFS",
    "PercentPhaseFOV": 100,
    "PercentSampling": 100,
    "PhaseEncodingAxis": "i",
    "PixelBandwidth": 244.141,
    "ProcedureStepDescription": "MRI Brain",
    "ProtocolName": "ADNI3 FMRIF Enhanced Pro",
    "ReconMatrixPE": 256,
    "RepetitionTime": 3.202,
    "SAR": 0.4595,
    "ScanOptions": "SAT_GEMS\\EDR_GEMS\\PROMO_GEMS\\FILTERED_GEMS\\ACC_GEMS\\FS\\FR_GEMS",
    "ScanningSequence": "RM",
    "SequenceVariant": "NONE",
    "SeriesDescription": "Anat T2w CUBE (ABCD)",
    "SeriesNumber": 4,
    "SliceThickness": 1,
    "SoftwareVersions": "27\\LX\\MR Software release:DV26.0_R03_1831.b",
    "SpacingBetweenSlices": 1,
    "StationName": "FMRI3tb",
    "acq_id": "CUBE",
    "dataset": "ds004215",
    "modality": "T2w",
    "rec_id": "SCIC",
    "session_id": "01",
    "subject_id": "ON44262"
  },
  "cjv": 0.9559842819262897,
  "cnr": 1.0850617964195992,
  "efc": 0.4208116899546971,
  "fber": 7411.570090702949,
  "fwhm_avg": 2.3070133333333334,
  "fwhm_x": 1.88555,
  "fwhm_y": 2.58577,
  "fwhm_z": 2.44972,
  "icvs_csf": 0.2802623093449396,
  "icvs_gm": 0.20686059385697148,
  "icvs_wm": 0.5128770967980889,
  "inu_med": 0.8761974573135376,
  "inu_range": 0.2576311230659485,
  "provenance": {
    "md5sum": "6febeed5222dc8974c9cd7fc8c545c44",
    "settings": {
      "testing": false
    },
    "software": "mriqc",
    "version": "22.0.6",
    "warnings": {
      "large_rot_frame": true,
      "small_air_mask": false
    },
    "webapi_port": null,
    "webapi_url": "https://mriqc.nimh.nih.gov/api/v1"
  },
  "qi_1": 0.0,
  "qi_2": 0.016064755775628586,
  "rpve_csf": 21.850002722633,
  "rpve_gm": 37.52798383556401,
  "rpve_wm": 14.998715102582361,
  "size_x": 204,
  "size_y": 256,
  "size_z": 256,
  "snr_csf": 11.655261991362401,
  "snr_gm": 1.8911620488344278,
  "snr_total": 8.53042689828425,
  "snr_wm": 12.044856654655923,
  "snrd_csf": 91.50541783495432,
  "snrd_gm": 154.4775125168644,
  "snrd_total": 103.87646122259213,
  "snrd_wm": 65.64645331595767,
  "spacing_x": 1.0,
  "spacing_y": 1.0,
  "spacing_z": 1.0,
  "summary_bg_k": 4.705788676986204,
  "summary_bg_mad": 0.0,
  "summary_bg_mean": 7.559641908648949,
  "summary_bg_median": 0.0,
  "summary_bg_n": 3009513.0,
  "summary_bg_p05": 0.0,
  "summary_bg_p95": 24.350903391838074,
  "summary_bg_stdv": 9.98028792208065,
  "summary_csf_k": 0.2001478476779357,
  "summary_csf_mad": 118.3366388938849,
  "summary_csf_mean": 1396.3160622944197,
  "summary_csf_median": 1393.985155493021,
  "summary_csf_n": 15803.0,
  "summary_csf_p05": 1204.2822523385287,
  "summary_csf_p95": 1596.8000835508108,
  "summary_csf_stdv": 119.59757324617811,
  "summary_gm_k": -1.6234271779140759,
  "summary_gm_mad": 1209.440563610383,
  "summary_gm_mean": 1840.220179839359,
  "summary_gm_median": 2353.2962790727615,
  "summary_gm_n": 46684.0,
  "summary_gm_p05": 75.55804350525142,
  "summary_gm_p95": 3241.5319025814533,
  "summary_gm_stdv": 1244.3518924574153,
  "summary_wm_k": -0.07210028660414558,
  "summary_wm_mad": 84.23964124649433,
  "summary_wm_mean": 999.5438625914974,
  "summary_wm_median": 1000.0520581007004,
  "summary_wm_n": 180402.0,
  "summary_wm_p05": 863.0001787543297,
  "summary_wm_p95": 1134.606408894062,
  "summary_wm_stdv": 83.02708077294633,
  "tpm_overlap_csf": 0.10605675958405643,
  "tpm_overlap_gm": 0.125104239835461,
  "tpm_overlap_wm": 0.45478940671964496,
  "wm2max": 0.31047071366264983
}