{
  "bids_meta": {
    "AcquisitionMatrixPE": 256,
    "AcquisitionNumber": 1,
    "AcquisitionTime": "10:12:21.000000",
    "BodyPartExamined": "BRAIN",
    "CoilString": "32Ch Head",
    "ConversionSoftware": "dcm2niix",
    "ConversionSoftwareVersion": "v1.0.20211006",
    "Dcm2bidsVersion": "2.1.6",
    "DeviceSerialNumber": "000301496mr3T5mr",
    "EchoTime": 0.065685,
    "EchoTrainLength": 140,
    "FlipAngle": 90,
    "ImageOrientationPatientDICOM": [
      0,
      1,
      0,
      0,
      0,
      -1
    ],
    "ImageType": [
      "ORIGINAL",
      "PRIMARY",
      "OTHER"
    ],
    "ImagingFrequency": 127.824,
    "InPlanePhaseEncodingDirectionDICOM": "ROW",
    "InstitutionName": "NIH FMRIF",
    "MRAcquisitionType": "3D",
    "MagneticFieldStrength": 3,
    "Manufacturer": "GE",
    "ManufacturersModelName": "DISCOVERY MR750",
    "Modality": "MR",
    "ParallelReductionFactorInPlane": 2,
    "ParallelReductionOutOfPlane": 1.5,
    "PatientPosition": "HFS",
    "PercentPhaseFOV": 100,
    "PercentSampling": 100,
    "PhaseEncodingAxis": "i",
    "PixelBandwidth": 244.141,
    "ProcedureStepDescription": "MRI Brain",
    "ProtocolName": "ADNI3 FMRIF Enhanced Pro",
    "ReconMatrixPE": 256,
    "RepetitionTime": 3.202,
    "SAR": 0.4399,
    "ScanOptions": "SAT_GEMS\\EDR_GEMS\\PROMO_GEMS\\ACC_GEMS\\FS\\FR_GEMS",
    "ScanningSequence": "RM",
    "SequenceVariant": "NONE",
    "SeriesDescription": "ORIG Anat T2w CUBE (ABCD)",
    "SeriesNumber": 40004,
    "SliceThickness": 1,
    "SoftwareVersions": "27\\LX\\MR Software release:DV26.0_R03_1831.b",
    "SpacingBetweenSlices": 1,
    "StationName": "FMRI3ta",
    "acq_id": "CUBE",
    "dataset": "ds004215",
    "modality": "T2w",
    "session_id": "01",
    "subject_id": "ON46717"
  },
  "cjv": 0.2954162648750301,
  "cnr": 4.102163602772999,
  "efc": 0.37119199600816616,
  "fber": 6999.266018773595,
  "fwhm_avg": 2.4595333333333333,
  "fwhm_x": 2.01581,
  "fwhm_y": 2.71296,
  "fwhm_z": 2.64983,
  "icvs_csf": 0.23845674574187017,
  "icvs_gm": 0.6970501984344512,
  "icvs_wm": 0.06449305582367866,
  "inu_med": 0.8294749557971954,
  "inu_range": 0.4779942572116851,
  "provenance": {
    "md5sum": "b90beefa8f236e81d3425a00f6c1ca57",
    "settings": {
      "testing": false
    },
    "software": "mriqc",
    "version": "22.0.6",
    "warnings": {
      "large_rot_frame": true,
      "small_air_mask": false
    },
    "webapi_port": null,
    "webapi_url": "https://mriqc.nimh.nih.gov/api/v1"
  },
  "qi_1": 0.0,
  "qi_2": 0.01642958339291118,
  "rpve_csf": 29.72723739493452,
  "rpve_gm": 13.166603764800511,
  "rpve_wm": 112.45021353302391,
  "size_x": 204,
  "size_y": 256,
  "size_z": 256,
  "snr_csf": 5.704587256869893,
  "snr_gm": 10.053944537287007,
  "snr_total": 5.583086756343401,
  "snr_wm": 0.9907284748733008,
  "snrd_csf": 102.05245512998626,
  "snrd_gm": 46.202964604204105,
  "snrd_total": 52.081420359037374,
  "snrd_wm": 7.988841342921767,
  "spacing_x": 1.0,
  "spacing_y": 1.0,
  "spacing_z": 1.0,
  "summary_bg_k": 8.58912712801982,
  "summary_bg_mad": 81.92962769306588,
  "summary_bg_mean": 87.20845425281358,
  "summary_bg_median": 55.26069411635399,
  "summary_bg_n": 4323928.0,
  "summary_bg_p05": 0.0,
  "summary_bg_p95": 269.4349097311497,
  "summary_bg_stdv": 100.99213123470531,
  "summary_csf_k": 2.54756108064241,
  "summary_csf_mad": 1755.2381254921233,
  "summary_csf_mean": 12921.610826475939,
  "summary_csf_median": 12762.410475075245,
  "summary_csf_n": 58917.0,
  "summary_csf_p05": 9872.619600832462,
  "summary_csf_p95": 16950.172025698423,
  "summary_csf_stdv": 2237.199922020532,
  "summary_gm_k": -0.22605994077934488,
  "summary_gm_mad": 600.3543904966466,
  "summary_gm_mean": 5803.337438190026,
  "summary_gm_median": 5778.020711928606,
  "summary_gm_n": 367341.0,
  "summary_gm_p05": 4909.772178947926,
  "summary_gm_p95": 6780.206181496382,
  "summary_gm_stdv": 574.7010863088645,
  "summary_wm_k": 2.631842932249447,
  "summary_wm_mad": 811.4273296381045,
  "summary_wm_mean": 1314.144749595556,
  "summary_wm_median": 999.0633964538574,
  "summary_wm_n": 5400.0,
  "summary_wm_p05": 252.56010455042124,
  "summary_wm_p95": 3310.0219153761864,
  "summary_wm_stdv": 1008.3195463100956,
  "tpm_overlap_csf": 0.1458039050592442,
  "tpm_overlap_gm": 0.41945460697362,
  "tpm_overlap_wm": 0.028924231117088504,
  "wm2max": 0.057959464599445766
}