{
  "bids_meta": {
    "AcquisitionMatrixPE": 256,
    "AcquisitionNumber": 1,
    "AcquisitionTime": "10:05:44.000000",
    "BodyPartExamined": "BRAIN",
    "CoilString": "32Ch Head",
    "ConversionSoftware": "dcm2niix",
    "ConversionSoftwareVersion": "v1.0.20211006",
    "Dcm2bidsVersion": "2.1.6",
    "DeviceSerialNumber": "000301496mr3T5mr",
    "EchoTime": 0.00292,
    "FlipAngle": 8,
    "ImageOrientationPatientDICOM": [
      0,
      1,
      0,
      0,
      0,
      -1
    ],
    "ImageType": [
      "ORIGINAL",
      "PRIMARY",
      "OTHER"
    ],
    "ImagingFrequency": 127.824,
    "InPlanePhaseEncodingDirectionDICOM": "ROW",
    "InstitutionName": "NIH FMRIF",
    "InversionTime": 1.06,
    "MRAcquisitionType": "3D",
    "MagneticFieldStrength": 3,
    "Manufacturer": "GE",
    "ManufacturersModelName": "DISCOVERY MR750",
    "Modality": "MR",
    "ParallelReductionFactorInPlane": 2,
    "ParallelReductionOutOfPlane": 2,
    "PatientPosition": "HFS",
    "PercentPhaseFOV": 100,
    "PercentSampling": 100,
    "PixelBandwidth": 244.141,
    "ProcedureStepDescription": "MRI Brain",
    "ProtocolName": "ADNI3 FMRIF Enhanced Pro",
    "ReconMatrixPE": 256,
    "RepetitionTime": 0.006952,
    "SAR": 0.0981688,
    "ScanOptions": "EDR_GEMS\\PROMO_GEMS\\FILTERED_GEMS\\ACC_GEMS\\IR_GEMS",
    "ScanningSequence": "RM",
    "SequenceVariant": "NONE",
    "SeriesDescription": "Anat T1w MP-RAGE 1mm (ABCD)",
    "SeriesNumber": 3,
    "SliceThickness": 1,
    "SoftwareVersions": "27\\LX\\MR Software release:DV26.0_R03_1831.b",
    "SpacingBetweenSlices": 1,
    "StationName": "FMRI3ta",
    "acq_id": "MPRAGE",
    "dataset": "ds004215",
    "modality": "T1w",
    "rec_id": "SCIC",
    "session_id": "01",
    "subject_id": "ON46717"
  },
  "cjv": 0.3821420852217539,
  "cnr": 3.5697467141010555,
  "efc": 0.6575656058444961,
  "fber": 16204.161251182994,
  "fwhm_avg": 3.5285499999999996,
  "fwhm_x": 3.45291,
  "fwhm_y": 3.70363,
  "fwhm_z": 3.42911,
  "icvs_csf": 0.25169384377760834,
  "icvs_gm": 0.4206723010765906,
  "icvs_wm": 0.32763385514580107,
  "inu_med": 0.5680601298809052,
  "inu_range": 0.08236014246940615,
  "provenance": {
    "md5sum": "46847b42d3e83564d349ca8e122234dc",
    "settings": {
      "testing": false
    },
    "software": "mriqc",
    "version": "22.0.6",
    "warnings": {
      "large_rot_frame": true,
      "small_air_mask": false
    },
    "webapi_port": null,
    "webapi_url": "https://mriqc.nimh.nih.gov/api/v1"
  },
  "qi_1": 0.0,
  "qi_2": 0.0020383872746216115,
  "rpve_csf": 31.040993302779793,
  "rpve_gm": 18.112924985784634,
  "rpve_wm": 26.479146949949946,
  "size_x": 208,
  "size_y": 256,
  "size_z": 256,
  "snr_csf": 2.2533157104264956,
  "snr_gm": 8.659856651806924,
  "snr_total": 9.507194652627673,
  "snr_wm": 17.6084115956496,
  "snrd_csf": 8.889445425325455,
  "snrd_gm": 36.88839948093636,
  "snrd_total": 33.92907874485595,
  "snrd_wm": 56.00939132830603,
  "spacing_x": 1.0,
  "spacing_y": 1.0,
  "spacing_z": 1.0,
  "summary_bg_k": 9.307198876543994,
  "summary_bg_mad": 0.0,
  "summary_bg_mean": 6.281842137267054,
  "summary_bg_median": 0.0,
  "summary_bg_n": 796716.0,
  "summary_bg_p05": 0.0,
  "summary_bg_p95": 32.88141767308116,
  "summary_bg_stdv": 11.697202792781418,
  "summary_csf_k": 4.578549874943243,
  "summary_csf_mad": 54.98155951420423,
  "summary_csf_mean": 171.70304334689018,
  "summary_csf_median": 158.7175523377955,
  "summary_csf_n": 63859.0,
  "summary_csf_p05": 87.5470949113369,
  "summary_csf_p95": 303.69820687919855,
  "summary_csf_stdv": 70.43678295046682,
  "summary_gm_k": 0.011656238019885468,
  "summary_gm_mad": 75.32891619689694,
  "summary_gm_mean": 657.7506305372098,
  "summary_gm_median": 658.6278665475547,
  "summary_gm_n": 21274.0,
  "summary_gm_p05": 530.8772798951716,
  "summary_gm_p95": 782.5943991707637,
  "summary_gm_stdv": 76.05349755816559,
  "summary_wm_k": 0.3050273496384177,
  "summary_wm_mad": 55.13354723919166,
  "summary_wm_mean": 999.6797772147783,
  "summary_wm_median": 1000.0256567448378,
  "summary_wm_n": 145263.0,
  "summary_wm_p05": 906.3533406145871,
  "summary_wm_p95": 1092.083374813199,
  "summary_wm_stdv": 56.792301178656274,
  "tpm_overlap_csf": 0.14184047780774345,
  "tpm_overlap_gm": 0.44249681320303774,
  "tpm_overlap_wm": 0.4711323310442259,
  "wm2max": 0.63996588598045
}