{
  "bids_meta": {
    "AcquisitionMatrixPE": 256,
    "AcquisitionNumber": 1,
    "AcquisitionTime": "15:18:40.000000",
    "BodyPartExamined": "BRAIN",
    "CoilString": "32Ch Head",
    "ConversionSoftware": "dcm2niix",
    "ConversionSoftwareVersion": "v1.0.20211006",
    "Dcm2bidsVersion": "2.1.6",
    "DeviceSerialNumber": "000301496MR3T6MR",
    "EchoTime": 0.066091,
    "EchoTrainLength": 140,
    "FlipAngle": 90,
    "ImageOrientationPatientDICOM": [
      0,
      1,
      0,
      0,
      0,
      -1
    ],
    "ImageType": [
      "ORIGINAL",
      "PRIMARY",
      "OTHER"
    ],
    "ImagingFrequency": 127.697,
    "InPlanePhaseEncodingDirectionDICOM": "ROW",
    "InstitutionName": "NIH FMRIF",
    "MRAcquisitionType": "3D",
    "MagneticFieldStrength": 3,
    "Manufacturer": "GE",
    "ManufacturersModelName": "DISCOVERY MR750",
    "Modality": "MR",
    "ParallelReductionFactorInPlane": 2,
    "ParallelReductionOutOfPlane": 1.5,
    "PatientPosition": "HFS",
    "PercentPhaseFOV": 100,
    "PercentSampling": 100,
    "PhaseEncodingAxis": "i",
    "PixelBandwidth": 244.141,
    "ProcedureStepDescription": "MRI Brain",
    "ProtocolName": "ADNI3 FMRIF Enhanced Pro",
    "ReconMatrixPE": 256,
    "RepetitionTime": 3.202,
    "SAR": 0.4367,
    "ScanOptions": "SAT_GEMS\\EDR_GEMS\\PROMO_GEMS\\FILTERED_GEMS\\ACC_GEMS\\FS\\FR_GEMS",
    "ScanningSequence": "RM",
    "SequenceVariant": "NONE",
    "SeriesDescription": "Anat T2w CUBE (ABCD)",
    "SeriesNumber": 4,
    "SliceThickness": 1,
    "SoftwareVersions": "27\\LX\\MR Software release:DV26.0_R03_1831.b",
    "SpacingBetweenSlices": 1,
    "StationName": "FMRI3tb",
    "acq_id": "CUBE",
    "dataset": "ds004215",
    "modality": "T2w",
    "rec_id": "SCIC",
    "session_id": "01",
    "subject_id": "ON09474"
  },
  "cjv": 0.25589563515428343,
  "cnr": 1.5084245814400925,
  "efc": 0.4225209224655176,
  "fber": 3555.8339727555435,
  "fwhm_avg": 2.232484370780744,
  "fwhm_x": 1.830533112342231,
  "fwhm_y": 2.52959,
  "fwhm_z": 2.33733,
  "icvs_csf": 0.2180898411448262,
  "icvs_gm": 0.23161685923890554,
  "icvs_wm": 0.5502932996162683,
  "inu_med": 0.7097547054290771,
  "inu_range": 0.1271929144859314,
  "provenance": {
    "md5sum": "f49c75740fd03e12035f47ab43ca124a",
    "settings": {
      "testing": false
    },
    "software": "mriqc",
    "version": "22.0.6",
    "warnings": {
      "large_rot_frame": true,
      "small_air_mask": false
    },
    "webapi_port": null,
    "webapi_url": "https://mriqc.nimh.nih.gov/api/v1"
  },
  "qi_1": 0.00024041758016667795,
  "qi_2": 0.007710220384550045,
  "rpve_csf": 28.626151493517558,
  "rpve_gm": 35.52207170975182,
  "rpve_wm": 14.780251700566577,
  "size_x": 204,
  "size_y": 256,
  "size_z": 256,
  "snr_csf": 11.964903590553877,
  "snr_gm": 2.4683198036964,
  "snr_total": 8.596012055524607,
  "snr_wm": 11.354812772323546,
  "snrd_csf": 63.81629122607032,
  "snrd_gm": 120.10374144690192,
  "snrd_total": 76.7880059224449,
  "snrd_wm": 46.44398509436243,
  "spacing_x": 0.9998016357421875,
  "spacing_y": 1.0,
  "spacing_z": 1.0,
  "summary_bg_k": 51.339124942200165,
  "summary_bg_mad": 14.107224921651556,
  "summary_bg_mean": 11.145902121530803,
  "summary_bg_median": 9.515178613364697,
  "summary_bg_n": 3218068.0,
  "summary_bg_p05": 0.0,
  "summary_bg_p95": 29.542364075779915,
  "summary_bg_stdv": 11.534471372957597,
  "summary_csf_k": 0.44354625741646725,
  "summary_csf_mad": 108.69280915824866,
  "summary_csf_mean": 1377.6312653164296,
  "summary_csf_median": 1374.1730332672596,
  "summary_csf_n": 9032.0,
  "summary_csf_p05": 1197.5985044278204,
  "summary_csf_p95": 1576.7104066088796,
  "summary_csf_stdv": 114.84396412353242,
  "summary_gm_k": -0.9120640356108058,
  "summary_gm_mad": 316.6064335987799,
  "summary_gm_mean": 1957.8613327271673,
  "summary_gm_median": 2586.2255471125245,
  "summary_gm_n": 60317.0,
  "summary_gm_p05": 63.29859296604991,
  "summary_gm_p95": 2813.00397073105,
  "summary_gm_stdv": 1047.7589267559677,
  "summary_wm_k": -0.05852874734683011,
  "summary_wm_mad": 89.27858057559484,
  "summary_wm_mean": 999.2118259480471,
  "summary_wm_median": 1000.090582638979,
  "summary_wm_n": 202737.0,
  "summary_wm_p05": 853.6474527418613,
  "summary_wm_p95": 1142.3198477216065,
  "summary_wm_stdv": 88.07614323688331,
  "tpm_overlap_csf": 0.09269803771208095,
  "tpm_overlap_gm": 0.13570915305005327,
  "tpm_overlap_wm": 0.4393624221381059,
  "wm2max": 0.3548135007919482
}