{
  "bids_meta": {
    "AcquisitionMatrixPE": 256,
    "AcquisitionNumber": 1,
    "AcquisitionTime": "14:33:2.000000",
    "BodyPartExamined": "BRAIN",
    "CoilString": "32Ch Head",
    "ConversionSoftware": "dcm2niix",
    "ConversionSoftwareVersion": "v1.0.20211006",
    "Dcm2bidsVersion": "2.1.6",
    "DeviceSerialNumber": "000301496MR3T6MR",
    "EchoTime": 0.003036,
    "FlipAngle": 11,
    "ImageOrientationPatientDICOM": [
      0,
      1,
      0,
      0,
      0,
      -1
    ],
    "ImageType": [
      "ORIGINAL",
      "PRIMARY",
      "OTHER"
    ],
    "ImagingFrequency": 127.697,
    "InPlanePhaseEncodingDirectionDICOM": "ROW",
    "InstitutionName": "NIH FMRIF",
    "InversionTime": 0.4,
    "MRAcquisitionType": "3D",
    "MagneticFieldStrength": 3,
    "Manufacturer": "GE",
    "ManufacturersModelName": "DISCOVERY MR750",
    "Modality": "MR",
    "ParallelReductionFactorInPlane": 1.72974,
    "PatientPosition": "HFS",
    "PercentPhaseFOV": 100,
    "PercentSampling": 100,
    "PixelBandwidth": 244.141,
    "ProcedureStepDescription": "MRI Brain",
    "ProtocolName": "ADNI3 FMRIF Enhanced Pro",
    "ReconMatrixPE": 256,
    "RepetitionTime": 0.007348,
    "SAR": 0.178592,
    "ScanOptions": "FAST_GEMS\\EDR_GEMS\\FILTERED_GEMS\\ACC_GEMS\\IR_GEMS",
    "ScanningSequence": "GR",
    "SequenceVariant": "SS\\SP\\SK",
    "SeriesDescription": "Accelerated Sagittal IR-FSPGR",
    "SeriesNumber": 3,
    "SliceThickness": 1.2,
    "SoftwareVersions": "27\\LX\\MR Software release:DV26.0_R01_1725.a",
    "SpacingBetweenSlices": 1.2,
    "SpoilingState": true,
    "StationName": "fmrif3tb",
    "acq_id": "FSPGR",
    "dataset": "ds004215",
    "modality": "T1w",
    "rec_id": "SCIC",
    "session_id": "01",
    "subject_id": "ON08392"
  },
  "cjv": 0.32516184988914454,
  "cnr": 4.089296971602263,
  "efc": 0.5017771341951455,
  "fber": -1.0,
  "fwhm_avg": 3.362703971788029,
  "fwhm_x": 3.0713963745577644,
  "fwhm_y": 3.6645775460247654,
  "fwhm_z": 3.352137994781556,
  "icvs_csf": 0.21749124575243758,
  "icvs_gm": 0.4446699777348464,
  "icvs_wm": 0.33783877651271604,
  "inu_med": 0.3988349735736847,
  "inu_range": 0.053902824223041546,
  "provenance": {
    "md5sum": "4f7caa4901c9f1471c97a1705b8c58af",
    "settings": {
      "testing": false
    },
    "software": "mriqc",
    "version": "22.0.6",
    "warnings": {
      "large_rot_frame": true,
      "small_air_mask": false
    },
    "webapi_port": null,
    "webapi_url": "https://mriqc.nimh.nih.gov/api/v1"
  },
  "qi_1": 0.0,
  "qi_2": 0.0019048654382642044,
  "rpve_csf": 37.651285872484806,
  "rpve_gm": 19.458200005501205,
  "rpve_wm": 29.94525325344069,
  "size_x": 196,
  "size_y": 256,
  "size_z": 256,
  "snr_csf": 2.376371698866279,
  "snr_gm": 9.142235242992923,
  "snr_total": 12.491446955548241,
  "snr_wm": 25.955733924785523,
  "snrd_csf": 12.422312395259286,
  "snrd_gm": 38.155747852500475,
  "snrd_total": 36.084485914171545,
  "snrd_wm": 57.675397494754854,
  "spacing_x": 1.199005126953125,
  "spacing_y": 1.0547000169754028,
  "spacing_z": 1.0547000169754028,
  "summary_bg_k": 9.518837629588761,
  "summary_bg_mad": 0.0,
  "summary_bg_mean": 7.008707954002651,
  "summary_bg_median": 0.0,
  "summary_bg_n": 1441862.0,
  "summary_bg_p05": 0.0,
  "summary_bg_p95": 30.046050306409597,
  "summary_bg_stdv": 11.359027413807942,
  "summary_csf_k": 1.0991057559204416,
  "summary_csf_mad": 76.18167849544574,
  "summary_csf_mean": 216.02558750818753,
  "summary_csf_median": 215.3832194954157,
  "summary_csf_n": 18752.0,
  "summary_csf_p05": 64.12939614336938,
  "summary_csf_p95": 375.8172738477589,
  "summary_csf_stdv": 90.63290754626564,
  "summary_gm_k": -0.005114832437087102,
  "summary_gm_mad": 72.80183472901071,
  "summary_gm_mean": 658.8841057437578,
  "summary_gm_median": 661.560227535665,
  "summary_gm_n": 31800.0,
  "summary_gm_p05": 535.1730443006381,
  "summary_gm_p95": 772.7625290490687,
  "summary_gm_stdv": 72.36193425131599,
  "summary_wm_k": 0.30842709896454723,
  "summary_wm_mad": 37.24587830611411,
  "summary_wm_mean": 1000.1777071231394,
  "summary_wm_median": 1000.000032428652,
  "summary_wm_n": 130282.0,
  "summary_wm_p05": 937.4458882398903,
  "summary_wm_p95": 1063.785198405385,
  "summary_wm_stdv": 38.5269858864419,
  "tpm_overlap_csf": 0.1463009340576797,
  "tpm_overlap_gm": 0.46185418360507013,
  "tpm_overlap_wm": 0.5005777341393353,
  "wm2max": 0.35743037335201994
}