{
  "bids_meta": {
    "AcquisitionMatrixPE": 256,
    "AcquisitionNumber": 1,
    "AcquisitionTime": "14:39:23.000000",
    "BodyPartExamined": "BRAIN",
    "CoilString": "32Ch Head",
    "ConversionSoftware": "dcm2niix",
    "ConversionSoftwareVersion": "v1.0.20211006",
    "Dcm2bidsVersion": "2.1.6",
    "DeviceSerialNumber": "000301496MR3T6MR",
    "EchoTime": 0.066226,
    "EchoTrainLength": 140,
    "FlipAngle": 90,
    "ImageOrientationPatientDICOM": [
      0,
      1,
      0,
      0,
      0,
      -1
    ],
    "ImageType": [
      "ORIGINAL",
      "PRIMARY",
      "OTHER"
    ],
    "ImagingFrequency": 127.697,
    "InPlanePhaseEncodingDirectionDICOM": "ROW",
    "InstitutionName": "NIH FMRIF",
    "MRAcquisitionType": "3D",
    "MagneticFieldStrength": 3,
    "Manufacturer": "GE",
    "ManufacturersModelName": "DISCOVERY MR750",
    "Modality": "MR",
    "ParallelReductionFactorInPlane": 2,
    "ParallelReductionOutOfPlane": 1.5,
    "PatientPosition": "HFS",
    "PercentPhaseFOV": 100,
    "PercentSampling": 100,
    "PhaseEncodingAxis": "i",
    "PixelBandwidth": 244.141,
    "ProcedureStepDescription": "MRI Brain",
    "ProtocolName": "ADNI3 FMRIF Enhanced Pro",
    "ReconMatrixPE": 256,
    "RepetitionTime": 3.202,
    "SAR": 0.4386,
    "ScanOptions": "SAT_GEMS\\EDR_GEMS\\PROMO_GEMS\\ACC_GEMS\\FS\\FR_GEMS",
    "ScanningSequence": "RM",
    "SequenceVariant": "NONE",
    "SeriesDescription": "Sag_CUBE_T2",
    "SeriesNumber": 4,
    "SliceThickness": 1,
    "SoftwareVersions": "27\\LX\\MR Software release:DV26.0_R01_1725.a",
    "SpacingBetweenSlices": 1,
    "StationName": "fmrif3tb",
    "acq_id": "CUBE",
    "dataset": "ds004215",
    "modality": "T2w",
    "session_id": "01",
    "subject_id": "ON08392"
  },
  "cjv": 1.0725317579474092,
  "cnr": 1.096296417939048,
  "efc": 0.3784250839117266,
  "fber": -1.0,
  "fwhm_avg": 2.3224899999999997,
  "fwhm_x": 1.93251,
  "fwhm_y": 2.59971,
  "fwhm_z": 2.43525,
  "icvs_csf": 0.26316192347133294,
  "icvs_gm": 0.5211068476896997,
  "icvs_wm": 0.21573122883896734,
  "inu_med": 0.8926072418689728,
  "inu_range": 0.42737551033496857,
  "provenance": {
    "md5sum": "06acb7063a73043ca8554bb64ef0b07e",
    "settings": {
      "testing": false
    },
    "software": "mriqc",
    "version": "22.0.6",
    "warnings": {
      "large_rot_frame": true,
      "small_air_mask": false
    },
    "webapi_port": null,
    "webapi_url": "https://mriqc.nimh.nih.gov/api/v1"
  },
  "qi_1": 0.0,
  "qi_2": 0.004284219577571885,
  "rpve_csf": 23.068041140182718,
  "rpve_gm": 14.837488059897044,
  "rpve_wm": 35.8440486556799,
  "size_x": 204,
  "size_y": 256,
  "size_z": 256,
  "snr_csf": 10.11652096877116,
  "snr_gm": 11.263902691082302,
  "snr_total": 7.73127487882105,
  "snr_wm": 1.8134009766096866,
  "snrd_csf": 54.45424501751297,
  "snrd_gm": 36.96002929958283,
  "snrd_total": 61.72554417404752,
  "snrd_wm": 93.76235820504677,
  "spacing_x": 1.0,
  "spacing_y": 1.0,
  "spacing_z": 1.0,
  "summary_bg_k": 314.6337944428722,
  "summary_bg_mad": 0.0,
  "summary_bg_mean": 3.245486038915631,
  "summary_bg_median": 0.0,
  "summary_bg_n": 4225607.0,
  "summary_bg_p05": 0.0,
  "summary_bg_p95": 11.705641407519579,
  "summary_bg_stdv": 6.989046794362067,
  "summary_csf_k": 0.5218469302318072,
  "summary_csf_mad": 54.68919785116955,
  "summary_csf_mean": 583.753669983951,
  "summary_csf_median": 580.9221813641489,
  "summary_csf_n": 12417.0,
  "summary_csf_p05": 494.0837616764009,
  "summary_csf_p95": 682.6952026851475,
  "summary_csf_stdv": 57.42080607303681,
  "summary_gm_k": 0.06406548468724482,
  "summary_gm_mad": 35.21890320071736,
  "summary_gm_mean": 394.0357849752145,
  "summary_gm_median": 394.2925080880523,
  "summary_gm_n": 201253.0,
  "summary_gm_p05": 336.3191960155964,
  "summary_gm_p95": 450.33689956739545,
  "summary_gm_stdv": 35.00487702232063,
  "summary_wm_k": -1.5676314582976574,
  "summary_wm_mad": 614.7050168214193,
  "summary_wm_mean": 792.783840585827,
  "summary_wm_median": 1000.2642335928977,
  "summary_wm_n": 53901.0,
  "summary_wm_p05": 26.23860478028655,
  "summary_wm_p95": 1482.7850411385298,
  "summary_wm_stdv": 551.5906121894116,
  "tpm_overlap_csf": 0.11034154088526962,
  "tpm_overlap_gm": 0.33154558618306285,
  "tpm_overlap_wm": 0.05345307320493312,
  "wm2max": 0.6838587300153555
}