{
  "bids_meta": {
    "AcquisitionMatrixPE": 256,
    "AcquisitionNumber": 1,
    "AcquisitionTime": "15:20:31.000000",
    "BodyPartExamined": "BRAIN",
    "CoilString": "32Ch Head",
    "ConversionSoftware": "dcm2niix",
    "ConversionSoftwareVersion": "v1.0.20211006",
    "Dcm2bidsVersion": "2.1.6",
    "DeviceSerialNumber": "000301496MR3T6MR",
    "EchoTime": 0.003036,
    "FlipAngle": 11,
    "ImageOrientationPatientDICOM": [
      0,
      1,
      0,
      0,
      0,
      -1
    ],
    "ImageType": [
      "ORIGINAL",
      "PRIMARY",
      "OTHER"
    ],
    "ImagingFrequency": 127.698,
    "InPlanePhaseEncodingDirectionDICOM": "ROW",
    "InstitutionName": "NIH FMRIF",
    "InversionTime": 0.4,
    "MRAcquisitionType": "3D",
    "MagneticFieldStrength": 3,
    "Manufacturer": "GE",
    "ManufacturersModelName": "DISCOVERY MR750",
    "Modality": "MR",
    "ParallelReductionFactorInPlane": 1.72974,
    "PatientPosition": "HFS",
    "PercentPhaseFOV": 100,
    "PercentSampling": 100,
    "PixelBandwidth": 244.141,
    "ProcedureStepDescription": "MRI Brain",
    "ProtocolName": "ADNI3 FMRIF Enhanced Pro",
    "ReconMatrixPE": 256,
    "RepetitionTime": 0.007348,
    "SAR": 0.155677,
    "ScanOptions": "FAST_GEMS\\EDR_GEMS\\FILTERED_GEMS\\ACC_GEMS\\IR_GEMS",
    "ScanningSequence": "GR",
    "SequenceVariant": "SS\\SP\\SK",
    "SeriesDescription": "Accelerated Sagittal IR-FSPGR",
    "SeriesNumber": 3,
    "SliceThickness": 1.2,
    "SoftwareVersions": "27\\LX\\MR Software release:DV26.0_EB_1707.b",
    "SpacingBetweenSlices": 1.2,
    "SpoilingState": true,
    "StationName": "fmrif3tb",
    "acq_id": "FSPGR",
    "dataset": "ds004215",
    "modality": "T1w",
    "rec_id": "SCIC",
    "session_id": "01",
    "subject_id": "ON67121"
  },
  "cjv": 0.33131095504235564,
  "cnr": 4.1192927774553745,
  "efc": 0.5233237328511737,
  "fber": -1.0,
  "fwhm_avg": 3.640447258531704,
  "fwhm_x": 3.3412622540960153,
  "fwhm_y": 3.9648999077408047,
  "fwhm_z": 3.615179613758291,
  "icvs_csf": 0.24302341250980064,
  "icvs_gm": 0.42511089182230954,
  "icvs_wm": 0.3318656956678898,
  "inu_med": 0.4726093113422394,
  "inu_range": 0.10000565052032467,
  "provenance": {
    "md5sum": "b6a6ee9d33accdbe709d459dbee22872",
    "settings": {
      "testing": false
    },
    "software": "mriqc",
    "version": "22.0.6",
    "warnings": {
      "large_rot_frame": true,
      "small_air_mask": false
    },
    "webapi_port": null,
    "webapi_url": "https://mriqc.nimh.nih.gov/api/v1"
  },
  "qi_1": 0.0,
  "qi_2": 0.0010528380582837818,
  "rpve_csf": 34.5201215825163,
  "rpve_gm": 19.80836149686378,
  "rpve_wm": 29.38974390784634,
  "size_x": 196,
  "size_y": 256,
  "size_z": 256,
  "snr_csf": 2.0818219751201403,
  "snr_gm": 11.070181172545167,
  "snr_total": 12.432938277004387,
  "snr_wm": 24.146811683347856,
  "snrd_csf": 13.73240297792471,
  "snrd_gm": 47.227203703630245,
  "snrd_total": 43.15428848912916,
  "snrd_wm": 68.50325878583251,
  "spacing_x": 1.2000045776367188,
  "spacing_y": 1.0547000169754028,
  "spacing_z": 1.0547000169754028,
  "summary_bg_k": 13.269306215871854,
  "summary_bg_mad": 0.0,
  "summary_bg_mean": 5.80171921426113,
  "summary_bg_median": 0.0,
  "summary_bg_n": 1174250.0,
  "summary_bg_p05": 0.0,
  "summary_bg_p95": 24.5724793151021,
  "summary_bg_stdv": 9.563198139374293,
  "summary_csf_k": 1.7097347941122276,
  "summary_csf_mad": 78.78619905883254,
  "summary_csf_mean": 210.49049474487902,
  "summary_csf_median": 200.45549385994673,
  "summary_csf_n": 32007.0,
  "summary_csf_p05": 75.35560323297977,
  "summary_csf_p95": 401.85792716667044,
  "summary_csf_stdv": 96.28698553430759,
  "summary_gm_k": 0.03968643164241126,
  "summary_gm_mad": 62.61429504149322,
  "summary_gm_mean": 688.4911106229755,
  "summary_gm_median": 689.3878993541002,
  "summary_gm_n": 31583.0,
  "summary_gm_p05": 584.8290032245219,
  "summary_gm_p95": 788.6766978874803,
  "summary_gm_stdv": 62.27332458384905,
  "summary_wm_k": 0.23470695930089613,
  "summary_wm_mad": 40.28166568421513,
  "summary_wm_mean": 999.8897122951099,
  "summary_wm_median": 999.9600647464395,
  "summary_wm_n": 131248.0,
  "summary_wm_p05": 931.4767646715045,
  "summary_wm_p95": 1068.0837675631046,
  "summary_wm_stdv": 41.41152332748967,
  "tpm_overlap_csf": 0.156238848132249,
  "tpm_overlap_gm": 0.47231478862658804,
  "tpm_overlap_wm": 0.5178745910742869,
  "wm2max": 0.42854452054794523
}