{
  "bids_meta": {
    "AcquisitionMatrixPE": 256,
    "AcquisitionNumber": 1,
    "AcquisitionTime": "15:26:27.000000",
    "BodyPartExamined": "BRAIN",
    "CoilString": "32Ch Head",
    "ConversionSoftware": "dcm2niix",
    "ConversionSoftwareVersion": "v1.0.20211006",
    "Dcm2bidsVersion": "2.1.6",
    "DeviceSerialNumber": "000301496MR3T6MR",
    "EchoTime": 0.065821,
    "EchoTrainLength": 140,
    "FlipAngle": 90,
    "ImageOrientationPatientDICOM": [
      0,
      1,
      0,
      0,
      0,
      -1
    ],
    "ImageType": [
      "ORIGINAL",
      "PRIMARY",
      "OTHER"
    ],
    "ImagingFrequency": 127.698,
    "InPlanePhaseEncodingDirectionDICOM": "ROW",
    "InstitutionName": "NIH FMRIF",
    "MRAcquisitionType": "3D",
    "MagneticFieldStrength": 3,
    "Manufacturer": "GE",
    "ManufacturersModelName": "DISCOVERY MR750",
    "Modality": "MR",
    "ParallelReductionFactorInPlane": 2,
    "ParallelReductionOutOfPlane": 1.5,
    "PatientPosition": "HFS",
    "PercentPhaseFOV": 100,
    "PercentSampling": 100,
    "PhaseEncodingAxis": "i",
    "PixelBandwidth": 244.141,
    "ProcedureStepDescription": "MRI Brain",
    "ProtocolName": "ADNI3 FMRIF Enhanced Pro",
    "ReconMatrixPE": 256,
    "RepetitionTime": 3.202,
    "SAR": 0.4534,
    "ScanOptions": "SAT_GEMS\\EDR_GEMS\\PROMO_GEMS\\ACC_GEMS\\FS\\FR_GEMS",
    "ScanningSequence": "RM",
    "SequenceVariant": "NONE",
    "SeriesDescription": "Sag_CUBE_T2",
    "SeriesNumber": 4,
    "SliceThickness": 1,
    "SoftwareVersions": "27\\LX\\MR Software release:DV26.0_EB_1707.b",
    "SpacingBetweenSlices": 1,
    "StationName": "fmrif3tb",
    "acq_id": "CUBE",
    "dataset": "ds004215",
    "modality": "T2w",
    "session_id": "01",
    "subject_id": "ON67121"
  },
  "cjv": 0.3845940567521698,
  "cnr": 1.5316108149514864,
  "efc": 0.36024624255283005,
  "fber": 9256.68714369439,
  "fwhm_avg": 2.4900004073901756,
  "fwhm_x": 2.0796012221705276,
  "fwhm_y": 2.72881,
  "fwhm_z": 2.66159,
  "icvs_csf": 0.21629909132875935,
  "icvs_gm": 0.24827880268659827,
  "icvs_wm": 0.5354221059846423,
  "inu_med": 0.8848787248134613,
  "inu_range": 0.6100630164146426,
  "provenance": {
    "md5sum": "3fa80aa52d72a9bd65d5cf885c19c72c",
    "settings": {
      "testing": false
    },
    "software": "mriqc",
    "version": "22.0.6",
    "warnings": {
      "large_rot_frame": true,
      "small_air_mask": false
    },
    "webapi_port": null,
    "webapi_url": "https://mriqc.nimh.nih.gov/api/v1"
  },
  "qi_1": 0.0,
  "qi_2": 0.019816688160663513,
  "rpve_csf": 27.0405670794066,
  "rpve_gm": 29.120177402969098,
  "rpve_wm": 14.094288314250491,
  "size_x": 204,
  "size_y": 256,
  "size_z": 256,
  "snr_csf": 11.876026093048303,
  "snr_gm": 2.3050818012054686,
  "snr_total": 8.852903556535615,
  "snr_wm": 12.377602775353074,
  "snrd_csf": 68.87570392729758,
  "snrd_gm": 154.08858033293575,
  "snrd_total": 91.48877095916964,
  "snrd_wm": 51.50202861727556,
  "spacing_x": 1.0002975463867188,
  "spacing_y": 1.0,
  "spacing_z": 1.0,
  "summary_bg_k": 97.09445303157224,
  "summary_bg_mad": 0.0,
  "summary_bg_mean": 8.793856647614058,
  "summary_bg_median": 0.0,
  "summary_bg_n": 4402284.0,
  "summary_bg_p05": 0.0,
  "summary_bg_p95": 35.389497101306915,
  "summary_bg_stdv": 12.721491252375428,
  "summary_csf_k": 0.5703649259294274,
  "summary_csf_mad": 107.55006927232444,
  "summary_csf_mean": 1335.9088668250238,
  "summary_csf_median": 1337.433952704072,
  "summary_csf_n": 7282.0,
  "summary_csf_p05": 1149.5982045933604,
  "summary_csf_p95": 1519.6334651708603,
  "summary_csf_stdv": 112.60855336406686,
  "summary_gm_k": -0.9378459803781123,
  "summary_gm_mad": 685.3311994350158,
  "summary_gm_mean": 2346.0299005668544,
  "summary_gm_median": 2992.104433208704,
  "summary_gm_n": 84112.0,
  "summary_gm_p05": 68.94607204198837,
  "summary_gm_p95": 3723.5108723044395,
  "summary_gm_stdv": 1298.0392475273102,
  "summary_wm_k": 0.03225750579929354,
  "summary_wm_mad": 80.79320072644002,
  "summary_wm_mean": 1000.8964515257354,
  "summary_wm_median": 1000.0705296397209,
  "summary_wm_n": 236505.0,
  "summary_wm_p05": 870.1445472538471,
  "summary_wm_p95": 1135.0017994642258,
  "summary_wm_stdv": 80.79661575176391,
  "tpm_overlap_csf": 0.09683653822972806,
  "tpm_overlap_gm": 0.14987799211613292,
  "tpm_overlap_wm": 0.4523735555103724,
  "wm2max": 0.2662387628324231
}