{
  "bids_meta": {
    "AcquisitionMatrixPE": 256,
    "AcquisitionNumber": 1,
    "AcquisitionTime": "15:56:56.000000",
    "BodyPartExamined": "BRAIN",
    "CoilString": "32Ch Head",
    "ConversionSoftware": "dcm2niix",
    "ConversionSoftwareVersion": "v1.0.20211006",
    "Dcm2bidsVersion": "2.1.6",
    "DeviceSerialNumber": "000301496MR3T6MR",
    "EchoTime": 0.065888,
    "EchoTrainLength": 140,
    "FlipAngle": 90,
    "ImageOrientationPatientDICOM": [
      0,
      1,
      0,
      0,
      0,
      -1
    ],
    "ImageType": [
      "ORIGINAL",
      "PRIMARY",
      "OTHER"
    ],
    "ImagingFrequency": 127.697,
    "InPlanePhaseEncodingDirectionDICOM": "ROW",
    "InstitutionName": "NIH FMRIF",
    "MRAcquisitionType": "3D",
    "MagneticFieldStrength": 3,
    "Manufacturer": "GE",
    "ManufacturersModelName": "DISCOVERY MR750",
    "Modality": "MR",
    "ParallelReductionFactorInPlane": 2,
    "ParallelReductionOutOfPlane": 1.5,
    "PatientPosition": "HFS",
    "PercentPhaseFOV": 100,
    "PercentSampling": 100,
    "PhaseEncodingAxis": "i",
    "PixelBandwidth": 244.141,
    "ProcedureStepDescription": "MRI Brain",
    "ProtocolName": "ADNI3 FMRIF Enhanced Pro",
    "ReconMatrixPE": 256,
    "RepetitionTime": 3.202,
    "SAR": 0.4476,
    "ScanOptions": "SAT_GEMS\\EDR_GEMS\\PROMO_GEMS\\FILTERED_GEMS\\ACC_GEMS\\FS\\FR_GEMS",
    "ScanningSequence": "RM",
    "SequenceVariant": "NONE",
    "SeriesDescription": "Anat T2w CUBE (ABCD)",
    "SeriesNumber": 4,
    "SliceThickness": 1,
    "SoftwareVersions": "27\\LX\\MR Software release:DV26.0_R03_1831.b",
    "SpacingBetweenSlices": 1,
    "StationName": "FMRI3tb",
    "acq_id": "CUBE",
    "dataset": "ds004215",
    "modality": "T2w",
    "rec_id": "SCIC",
    "session_id": "01",
    "subject_id": "ON33159"
  },
  "cjv": 0.41531067517616627,
  "cnr": 1.4666784676527609,
  "efc": 0.42242403230154457,
  "fber": 6634.982036192114,
  "fwhm_avg": 2.4035100000000003,
  "fwhm_x": 1.9917,
  "fwhm_y": 2.7315,
  "fwhm_z": 2.48733,
  "icvs_csf": 0.15772753391016756,
  "icvs_gm": 0.6178873169727166,
  "icvs_wm": 0.22438514911711588,
  "inu_med": 0.7598367929458618,
  "inu_range": 0.1559593379497527,
  "provenance": {
    "md5sum": "b2eec023a6b2e0b14290090e327ca5cf",
    "settings": {
      "testing": false
    },
    "software": "mriqc",
    "version": "22.0.6",
    "warnings": {
      "large_rot_frame": true,
      "small_air_mask": false
    },
    "webapi_port": null,
    "webapi_url": "https://mriqc.nimh.nih.gov/api/v1"
  },
  "qi_1": 0.0,
  "qi_2": 0.019382745544857718,
  "rpve_csf": 31.441685381546655,
  "rpve_gm": 12.052181084027447,
  "rpve_wm": 31.970676012244496,
  "size_x": 204,
  "size_y": 256,
  "size_z": 256,
  "snr_csf": 8.91077434321663,
  "snr_gm": 10.24354236355138,
  "snr_total": 7.1394817521915135,
  "snr_wm": 2.264128549806529,
  "snrd_csf": 59.10451713910965,
  "snrd_gm": 40.122957039656704,
  "snrd_total": 71.25988631855151,
  "snrd_wm": 114.55218477688817,
  "spacing_x": 1.0,
  "spacing_y": 1.0,
  "spacing_z": 1.0,
  "summary_bg_k": 79.16471934736064,
  "summary_bg_mad": 5.719969555757387,
  "summary_bg_mean": 3.0704733619636473,
  "summary_bg_median": 3.858060836791992,
  "summary_bg_n": 3369667.0,
  "summary_bg_p05": 0.0,
  "summary_bg_p95": 8.4312744140625,
  "summary_bg_stdv": 3.223651038010558,
  "summary_csf_k": 2.099230467113662,
  "summary_csf_mad": 46.429411418440445,
  "summary_csf_mean": 522.3953345379931,
  "summary_csf_median": 516.0391616821289,
  "summary_csf_n": 4324.0,
  "summary_csf_p05": 441.04222297668457,
  "summary_csf_p95": 629.9705211639401,
  "summary_csf_stdv": 57.90512326474432,
  "summary_gm_k": 0.265511551087406,
  "summary_gm_mad": 33.87338068629008,
  "summary_gm_mean": 351.5970048197004,
  "summary_gm_median": 350.3119239807129,
  "summary_gm_n": 336421.0,
  "summary_gm_p05": 298.1245937347412,
  "summary_gm_p95": 409.40612411499023,
  "summary_gm_stdv": 34.19826764046544,
  "summary_wm_k": -1.0910274159389886,
  "summary_wm_mad": 236.01152432865294,
  "summary_wm_mean": 774.3935074222782,
  "summary_wm_median": 1000.1505174636841,
  "summary_wm_n": 77676.0,
  "summary_wm_p05": 23.807058334350586,
  "summary_wm_p95": 1177.5554466247559,
  "summary_wm_stdv": 441.7346707477587,
  "tpm_overlap_csf": 0.09824637249450381,
  "tpm_overlap_gm": 0.3758895524679683,
  "tpm_overlap_wm": 0.0443440474872298,
  "wm2max": 0.8469849191229987
}