{
  "bids_meta": {
    "AcquisitionMatrixPE": 256,
    "AcquisitionNumber": 1,
    "AcquisitionTime": "15:12:29.000000",
    "BodyPartExamined": "BRAIN",
    "CoilString": "32Ch Head",
    "ConversionSoftware": "dcm2niix",
    "ConversionSoftwareVersion": "v1.0.20211006",
    "Dcm2bidsVersion": "2.1.6",
    "DeviceSerialNumber": "000301496MR3T6MR",
    "EchoTime": 0.003036,
    "FlipAngle": 11,
    "ImageOrientationPatientDICOM": [
      0,
      1,
      0,
      0,
      0,
      -1
    ],
    "ImageType": [
      "ORIGINAL",
      "PRIMARY",
      "OTHER"
    ],
    "ImagingFrequency": 127.697,
    "InPlanePhaseEncodingDirectionDICOM": "ROW",
    "InstitutionName": "NIH FMRIF",
    "InversionTime": 0.4,
    "MRAcquisitionType": "3D",
    "MagneticFieldStrength": 3,
    "Manufacturer": "GE",
    "ManufacturersModelName": "DISCOVERY MR750",
    "Modality": "MR",
    "ParallelReductionFactorInPlane": 1.72974,
    "PatientPosition": "HFS",
    "PercentPhaseFOV": 100,
    "PercentSampling": 100,
    "PixelBandwidth": 244.141,
    "ProcedureStepDescription": "MRI Brain",
    "ProtocolName": "ADNI3 FMRIF Enhanced Pro",
    "ReconMatrixPE": 256,
    "RepetitionTime": 0.007348,
    "SAR": 0.157964,
    "ScanOptions": "FAST_GEMS\\EDR_GEMS\\FILTERED_GEMS\\ACC_GEMS\\IR_GEMS",
    "ScanningSequence": "GR",
    "SequenceVariant": "SS\\SP\\SK",
    "SeriesDescription": "Accelerated Sagittal IR-FSPGR",
    "SeriesNumber": 3,
    "SliceThickness": 1.2,
    "SoftwareVersions": "27\\LX\\MR Software release:DV26.0_R01_1725.a",
    "SpacingBetweenSlices": 1.2,
    "SpoilingState": true,
    "StationName": "fmrif3tb",
    "acq_id": "FSPGR",
    "dataset": "ds004215",
    "modality": "T1w",
    "rec_id": "SCIC",
    "session_id": "01",
    "subject_id": "ON76510"
  },
  "cjv": 0.3019941264757378,
  "cnr": 4.487240234495121,
  "efc": 0.5560906848004938,
  "fber": 28379.289940828403,
  "fwhm_avg": 3.8613223918711195,
  "fwhm_x": 3.5714424159810796,
  "fwhm_y": 4.2686260809124414,
  "fwhm_z": 3.743898678719837,
  "icvs_csf": 0.22432590074761033,
  "icvs_gm": 0.43499489634669963,
  "icvs_wm": 0.34067920290569004,
  "inu_med": 0.43826374411582947,
  "inu_range": 0.08105612993240358,
  "provenance": {
    "md5sum": "8ad77f48abd1251b92cb60aeb701ab62",
    "settings": {
      "testing": false
    },
    "software": "mriqc",
    "version": "22.0.6",
    "warnings": {
      "large_rot_frame": true,
      "small_air_mask": false
    },
    "webapi_port": null,
    "webapi_url": "https://mriqc.nimh.nih.gov/api/v1"
  },
  "qi_1": 0.0001220967417916561,
  "qi_2": 0.004830688134140275,
  "rpve_csf": 33.54604285181508,
  "rpve_gm": 18.217866459240287,
  "rpve_wm": 27.75363907020346,
  "size_x": 196,
  "size_y": 256,
  "size_z": 256,
  "snr_csf": 2.5991714735247644,
  "snr_gm": 9.958535051286187,
  "snr_total": 12.805643137726113,
  "snr_wm": 25.85922288836739,
  "snrd_csf": 15.936466736814877,
  "snrd_gm": 47.40166665437579,
  "snrd_total": 45.229552399290604,
  "snrd_wm": 72.35052380668112,
  "spacing_x": 1.1999969482421875,
  "spacing_y": 1.0547000169754028,
  "spacing_z": 1.0547000169754028,
  "summary_bg_k": 11.699108018656062,
  "summary_bg_mad": 0.0,
  "summary_bg_mean": 5.484658256017666,
  "summary_bg_median": 0.0,
  "summary_bg_n": 1161140.0,
  "summary_bg_p05": 0.0,
  "summary_bg_p95": 23.476508527994156,
  "summary_bg_stdv": 9.055033127505302,
  "summary_csf_k": 1.8781429058962482,
  "summary_csf_mad": 70.50012192231748,
  "summary_csf_mean": 224.17993981009812,
  "summary_csf_median": 220.267465274781,
  "summary_csf_n": 28368.0,
  "summary_csf_p05": 92.7964478880167,
  "summary_csf_p95": 374.6882880669085,
  "summary_csf_stdv": 84.74376745105013,
  "summary_gm_k": -0.0572633994917906,
  "summary_gm_mad": 66.86364034941316,
  "summary_gm_mean": 654.478914442527,
  "summary_gm_median": 655.1668657921255,
  "summary_gm_n": 30048.0,
  "summary_gm_p05": 544.2228432148695,
  "summary_gm_p95": 759.5117703005672,
  "summary_gm_stdv": 65.78838758138899,
  "summary_wm_k": 0.41160304732434305,
  "summary_wm_mad": 37.27393612226917,
  "summary_wm_mean": 999.3879304965074,
  "summary_wm_median": 999.9999845251441,
  "summary_wm_n": 148466.0,
  "summary_wm_p05": 934.8847929611802,
  "summary_wm_p95": 1061.173225030303,
  "summary_wm_stdv": 38.670791502977735,
  "tpm_overlap_csf": 0.15263134339094206,
  "tpm_overlap_gm": 0.4667055878431004,
  "tpm_overlap_wm": 0.5108771525048995,
  "wm2max": 0.5930421832790747
}