{
  "bids_meta": {
    "AcquisitionMatrixPE": 256,
    "AcquisitionNumber": 1,
    "AcquisitionTime": "14:17:39.000000",
    "BodyPartExamined": "BRAIN",
    "CoilString": "32Ch Head",
    "ConversionSoftware": "dcm2niix",
    "ConversionSoftwareVersion": "v1.0.20211006",
    "Dcm2bidsVersion": "2.1.6",
    "DeviceSerialNumber": "000301496MR3T6MR",
    "EchoTime": 0.058924,
    "EchoTrainLength": 140,
    "FlipAngle": 90,
    "ImageOrientationPatientDICOM": [
      0,
      1,
      0,
      0,
      0,
      -1
    ],
    "ImageType": [
      "ORIGINAL",
      "PRIMARY",
      "OTHER"
    ],
    "ImagingFrequency": 127.696,
    "InPlanePhaseEncodingDirectionDICOM": "ROW",
    "InstitutionName": "NIH FMRIF",
    "MRAcquisitionType": "3D",
    "MagneticFieldStrength": 3,
    "Manufacturer": "GE",
    "ManufacturersModelName": "DISCOVERY MR750",
    "Modality": "MR",
    "ParallelReductionFactorInPlane": 2,
    "ParallelReductionOutOfPlane": 1.5,
    "PatientPosition": "HFS",
    "PercentPhaseFOV": 100,
    "PercentSampling": 100,
    "PhaseEncodingAxis": "i",
    "PixelBandwidth": 244.141,
    "ProcedureStepDescription": "MRI Brain",
    "ProtocolName": "ADNI3 FMRIF Enhanced Pro",
    "ReconMatrixPE": 256,
    "RepetitionTime": 3.202,
    "SAR": 0.3966,
    "ScanOptions": "SAT_GEMS\\EDR_GEMS\\PROMO_GEMS\\FILTERED_GEMS\\ACC_GEMS\\FS\\FR_GEMS",
    "ScanningSequence": "RM",
    "SequenceVariant": "NONE",
    "SeriesDescription": "Anat T2w CUBE (ABCD)",
    "SeriesNumber": 4,
    "SliceThickness": 1,
    "SoftwareVersions": "27\\LX\\MR Software release:DV26.0_R03_1831.b",
    "SpacingBetweenSlices": 1,
    "StationName": "FMRI3tb",
    "acq_id": "CUBE",
    "dataset": "ds004215",
    "modality": "T2w",
    "rec_id": "SCIC",
    "session_id": "01",
    "subject_id": "ON35773"
  },
  "cjv": 3.4765296201124865,
  "cnr": 0.29881744729798415,
  "efc": 0.5163961748130375,
  "fber": 3125.9869529085877,
  "fwhm_avg": 2.1064166666666666,
  "fwhm_x": 1.74509,
  "fwhm_y": 2.40335,
  "fwhm_z": 2.17081,
  "icvs_csf": 0.2633500159389356,
  "icvs_gm": 0.52574290210319,
  "icvs_wm": 0.21090708195787447,
  "inu_med": 0.7707456946372986,
  "inu_range": 0.13057549595832818,
  "provenance": {
    "md5sum": "7bb74604e1db0c981a324705a993d1ee",
    "settings": {
      "testing": false
    },
    "software": "mriqc",
    "version": "22.0.6",
    "warnings": {
      "large_rot_frame": true,
      "small_air_mask": false
    },
    "webapi_port": null,
    "webapi_url": "https://mriqc.nimh.nih.gov/api/v1"
  },
  "qi_1": 0.0,
  "qi_2": 0.009940631671646251,
  "rpve_csf": 17.920366209672935,
  "rpve_gm": 11.213237504139109,
  "rpve_wm": 28.982689778840406,
  "size_x": 204,
  "size_y": 256,
  "size_z": 256,
  "snr_csf": 11.769815481784418,
  "snr_gm": 13.536598345209564,
  "snr_total": 8.676913021286117,
  "snr_wm": 0.7243252368643659,
  "snrd_csf": 78.9842936329752,
  "snrd_gm": 56.91269933409905,
  "snrd_total": 58.71780554812358,
  "snrd_wm": 40.256423677296496,
  "spacing_x": 1.0,
  "spacing_y": 1.0,
  "spacing_z": 1.0,
  "summary_bg_k": 4.367654447002077,
  "summary_bg_mad": 16.360209030913907,
  "summary_bg_mean": 13.738384444738676,
  "summary_bg_median": 11.034793302416801,
  "summary_bg_n": 2897074.0,
  "summary_bg_p05": 0.0,
  "summary_bg_p95": 48.02387085184455,
  "summary_bg_stdv": 17.602713152013486,
  "summary_csf_k": 0.6055189167470627,
  "summary_csf_mad": 159.42856759717125,
  "summary_csf_mean": 1978.7347904795295,
  "summary_csf_median": 1972.4130028411746,
  "summary_csf_n": 17643.0,
  "summary_csf_p05": 1716.6985580474138,
  "summary_csf_p95": 2262.847636561468,
  "summary_csf_stdv": 167.57757224061928,
  "summary_gm_k": 0.06429107924023558,
  "summary_gm_mad": 105.17277234158941,
  "summary_gm_mean": 1420.0331240431083,
  "summary_gm_median": 1421.236337378621,
  "summary_gm_n": 239709.0,
  "summary_gm_p05": 1247.1568430364132,
  "summary_gm_p95": 1589.1791354455054,
  "summary_gm_stdv": 104.99191426293517,
  "summary_wm_k": -1.7638623714230095,
  "summary_wm_mad": 1340.8693769010256,
  "summary_wm_mean": 1615.6521013461238,
  "summary_wm_median": 1005.2921898365021,
  "summary_wm_n": 62385.0,
  "summary_wm_p05": 88.33464638516307,
  "summary_wm_p95": 3402.319534957409,
  "summary_wm_stdv": 1387.890524142763,
  "tpm_overlap_csf": 0.10090423134397368,
  "tpm_overlap_gm": 0.3378258327953736,
  "tpm_overlap_wm": 0.04043022158895589,
  "wm2max": 0.290931233060525
}