{
  "bids_meta": {
    "AcquisitionMatrixPE": 256,
    "AcquisitionNumber": 1,
    "AcquisitionTime": "15:00:17.000000",
    "BodyPartExamined": "BRAIN",
    "CoilString": "32Ch Head",
    "ConversionSoftware": "dcm2niix",
    "ConversionSoftwareVersion": "v1.0.20211006",
    "Dcm2bidsVersion": "2.1.6",
    "DeviceSerialNumber": "000301496MR3T6MR",
    "EchoTime": 0.00292,
    "FlipAngle": 8,
    "ImageOrientationPatientDICOM": [
      0,
      1,
      0,
      0,
      0,
      -1
    ],
    "ImageType": [
      "ORIGINAL",
      "PRIMARY",
      "OTHER"
    ],
    "ImagingFrequency": 127.696,
    "InPlanePhaseEncodingDirectionDICOM": "ROW",
    "InstitutionName": "NIH FMRIF",
    "InversionTime": 1.06,
    "MRAcquisitionType": "3D",
    "MagneticFieldStrength": 3,
    "Manufacturer": "GE",
    "ManufacturersModelName": "DISCOVERY MR750",
    "Modality": "MR",
    "ParallelReductionFactorInPlane": 2,
    "ParallelReductionOutOfPlane": 2,
    "PatientPosition": "HFS",
    "PercentPhaseFOV": 100,
    "PercentSampling": 100,
    "PixelBandwidth": 244.141,
    "ProcedureStepDescription": "MRI Brain",
    "ProtocolName": "ADNI3 FMRIF Enhanced Pro",
    "ReconMatrixPE": 256,
    "RepetitionTime": 0.006952,
    "SAR": 0.139711,
    "ScanOptions": "EDR_GEMS\\PROMO_GEMS\\FILTERED_GEMS\\ACC_GEMS\\IR_GEMS",
    "ScanningSequence": "RM",
    "SequenceVariant": "NONE",
    "SeriesDescription": "Anat T1w MP-RAGE 1mm (ABCD)",
    "SeriesNumber": 3,
    "SliceThickness": 1,
    "SoftwareVersions": "27\\LX\\MR Software release:DV26.0_R03_1831.b",
    "SpacingBetweenSlices": 1,
    "StationName": "FMRI3tb",
    "acq_id": "MPRAGE",
    "dataset": "ds004215",
    "modality": "T1w",
    "rec_id": "SCIC",
    "session_id": "01",
    "subject_id": "ON22671"
  },
  "cjv": 0.37017370223118184,
  "cnr": 3.6392393317623144,
  "efc": 0.6607125924082647,
  "fber": 10508.702296192852,
  "fwhm_avg": 3.535133333333333,
  "fwhm_x": 3.36761,
  "fwhm_y": 3.80009,
  "fwhm_z": 3.4377,
  "icvs_csf": 0.23217243899727436,
  "icvs_gm": 0.4197353767803167,
  "icvs_wm": 0.34809218422240895,
  "inu_med": 0.5553779006004333,
  "inu_range": 0.08639949560165405,
  "provenance": {
    "md5sum": "5672c686b46efe42682bdf39da1fc29b",
    "settings": {
      "testing": false
    },
    "software": "mriqc",
    "version": "22.0.6",
    "warnings": {
      "large_rot_frame": true,
      "small_air_mask": false
    },
    "webapi_port": null,
    "webapi_url": "https://mriqc.nimh.nih.gov/api/v1"
  },
  "qi_1": 0.0,
  "qi_2": 0.001808134718866446,
  "rpve_csf": 27.657398261153517,
  "rpve_gm": 15.311779581876308,
  "rpve_wm": 21.335174174297055,
  "size_x": 208,
  "size_y": 256,
  "size_z": 256,
  "snr_csf": 1.9063023306697735,
  "snr_gm": 8.715016646370904,
  "snr_total": 9.661064056231497,
  "snr_wm": 18.361873191653814,
  "snrd_csf": 8.91835452180359,
  "snrd_gm": 33.04322183419173,
  "snrd_total": 30.72824918172144,
  "snrd_wm": 50.223171189169015,
  "spacing_x": 1.0,
  "spacing_y": 1.0,
  "spacing_z": 1.0,
  "summary_bg_k": 11.96708041297117,
  "summary_bg_mad": 0.0,
  "summary_bg_mean": 7.160732467424485,
  "summary_bg_median": 0.0,
  "summary_bg_n": 890950.0,
  "summary_bg_p05": 0.0,
  "summary_bg_p95": 34.86105739325285,
  "summary_bg_stdv": 13.044504350382164,
  "summary_csf_k": 1.3971598581399522,
  "summary_csf_mad": 78.80926241920022,
  "summary_csf_mean": 197.1579045718725,
  "summary_csf_median": 177.57449343055487,
  "summary_csf_n": 47036.0,
  "summary_csf_p05": 81.60442289710045,
  "summary_csf_p95": 386.9294458553195,
  "summary_csf_stdv": 93.15028519827277,
  "summary_gm_k": 0.06673268440275759,
  "summary_gm_mad": 73.91572453982943,
  "summary_gm_mean": 657.3349538822112,
  "summary_gm_median": 657.927800938487,
  "summary_gm_n": 24489.0,
  "summary_gm_p05": 530.4727573797106,
  "summary_gm_p95": 781.9250299677252,
  "summary_gm_stdv": 75.49203798091867,
  "summary_wm_k": 0.28360357499420275,
  "summary_wm_mad": 52.71039372922262,
  "summary_wm_mean": 999.7514760998187,
  "summary_wm_median": 999.9999619424343,
  "summary_wm_n": 189738.0,
  "summary_wm_p05": 909.5576794546098,
  "summary_wm_p95": 1088.6143179312348,
  "summary_wm_stdv": 54.46052896067451,
  "tpm_overlap_csf": 0.15942100402653187,
  "tpm_overlap_gm": 0.46787203716328774,
  "tpm_overlap_wm": 0.5165216171906825,
  "wm2max": 0.5549798503166379
}