{
  "bids_meta": {
    "AcquisitionMatrixPE": 256,
    "AcquisitionNumber": 1,
    "AcquisitionTime": "15:07:18.000000",
    "BodyPartExamined": "BRAIN",
    "CoilString": "32Ch Head",
    "ConversionSoftware": "dcm2niix",
    "ConversionSoftwareVersion": "v1.0.20211006",
    "Dcm2bidsVersion": "2.1.6",
    "DeviceSerialNumber": "000301496MR3T6MR",
    "EchoTime": 0.059525,
    "EchoTrainLength": 140,
    "FlipAngle": 90,
    "ImageOrientationPatientDICOM": [
      0,
      1,
      0,
      0,
      0,
      -1
    ],
    "ImageType": [
      "ORIGINAL",
      "PRIMARY",
      "OTHER"
    ],
    "ImagingFrequency": 127.696,
    "InPlanePhaseEncodingDirectionDICOM": "ROW",
    "InstitutionName": "NIH FMRIF",
    "MRAcquisitionType": "3D",
    "MagneticFieldStrength": 3,
    "Manufacturer": "GE",
    "ManufacturersModelName": "DISCOVERY MR750",
    "Modality": "MR",
    "ParallelReductionFactorInPlane": 2,
    "ParallelReductionOutOfPlane": 1.5,
    "PatientPosition": "HFS",
    "PercentPhaseFOV": 100,
    "PercentSampling": 100,
    "PhaseEncodingAxis": "i",
    "PixelBandwidth": 244.141,
    "ProcedureStepDescription": "MRI Brain",
    "ProtocolName": "ADNI3 FMRIF Enhanced Pro",
    "ReconMatrixPE": 256,
    "RepetitionTime": 3.202,
    "SAR": 0.3627,
    "ScanOptions": "SAT_GEMS\\EDR_GEMS\\PROMO_GEMS\\ACC_GEMS\\FS\\FR_GEMS",
    "ScanningSequence": "RM",
    "SequenceVariant": "NONE",
    "SeriesDescription": "ORIG Anat T2w CUBE (ABCD)",
    "SeriesNumber": 40004,
    "SliceThickness": 1,
    "SoftwareVersions": "27\\LX\\MR Software release:DV26.0_R03_1831.b",
    "SpacingBetweenSlices": 1,
    "StationName": "FMRI3tb",
    "acq_id": "CUBE",
    "dataset": "ds004215",
    "modality": "T2w",
    "session_id": "01",
    "subject_id": "ON22671"
  },
  "cjv": 0.8829637833358666,
  "cnr": 1.0575557074488529,
  "efc": 0.40371274654807615,
  "fber": 4259.116213151927,
  "fwhm_avg": 2.4994633333333334,
  "fwhm_x": 2.0398,
  "fwhm_y": 2.72929,
  "fwhm_z": 2.7293,
  "icvs_csf": 0.27127944836338796,
  "icvs_gm": 0.21693087734928282,
  "icvs_wm": 0.5117896742873292,
  "inu_med": 0.9204075336456299,
  "inu_range": 0.5562641501426693,
  "provenance": {
    "md5sum": "8ebc5c4ff908fb8b709c244a3839ec27",
    "settings": {
      "testing": false
    },
    "software": "mriqc",
    "version": "22.0.6",
    "warnings": {
      "large_rot_frame": true,
      "small_air_mask": false
    },
    "webapi_port": null,
    "webapi_url": "https://mriqc.nimh.nih.gov/api/v1"
  },
  "qi_1": 0.0,
  "qi_2": 0.013407566976320841,
  "rpve_csf": 20.629043419711408,
  "rpve_gm": 33.933258525886174,
  "rpve_wm": 13.483068813793118,
  "size_x": 204,
  "size_y": 256,
  "size_z": 256,
  "snr_csf": 11.894872468659145,
  "snr_gm": 2.011781688651207,
  "snr_total": 8.365194198514002,
  "snr_wm": 11.188928438231658,
  "snrd_csf": 33.128254790022055,
  "snrd_gm": 50.38615255385436,
  "snrd_total": 35.770915365034234,
  "snrd_wm": 23.798338751226304,
  "spacing_x": 1.0,
  "spacing_y": 1.0,
  "spacing_z": 1.0,
  "summary_bg_k": 2.4666788609129746,
  "summary_bg_mad": 27.52866129096476,
  "summary_bg_mean": 20.667214714395893,
  "summary_bg_median": 18.567799877375364,
  "summary_bg_n": 3788800.0,
  "summary_bg_p05": 0.0,
  "summary_bg_p95": 60.23950709402561,
  "summary_bg_stdv": 21.716777958886734,
  "summary_csf_k": 0.45586364239748667,
  "summary_csf_mad": 114.06012104920903,
  "summary_csf_mean": 1396.1074359382542,
  "summary_csf_median": 1392.0406579077244,
  "summary_csf_n": 13798.0,
  "summary_csf_p05": 1211.8059880882502,
  "summary_csf_p95": 1593.9972343264149,
  "summary_csf_stdv": 117.02439156829865,
  "summary_gm_k": -1.1033323407356455,
  "summary_gm_mad": 897.4164241041541,
  "summary_gm_mean": 1766.8402869760353,
  "summary_gm_median": 2117.213037483394,
  "summary_gm_n": 67527.0,
  "summary_gm_p05": 82.31523007526994,
  "summary_gm_p95": 3277.289256076142,
  "summary_gm_stdv": 1052.399160694221,
  "summary_wm_k": 0.06830400915467028,
  "summary_wm_mad": 89.04221713983064,
  "summary_wm_mean": 1002.6029220699737,
  "summary_wm_median": 1000.0000103339553,
  "summary_wm_n": 181653.0,
  "summary_wm_p05": 860.1669376417994,
  "summary_wm_p95": 1153.7438125759363,
  "summary_wm_stdv": 89.37381835534696,
  "tpm_overlap_csf": 0.0940497610164121,
  "tpm_overlap_gm": 0.11828113914522195,
  "tpm_overlap_wm": 0.44659107377644786,
  "wm2max": 0.30487358514702273
}