{
  "aor": 0.0019636180904522614,
  "aqi": 0.0010201075678391962,
  "bids_meta": {
    "AcquisitionMatrixPE": 64,
    "AcquisitionNumber": 1,
    "AcquisitionTime": "15:17:51.000000",
    "BodyPartExamined": "BRAIN",
    "CoilString": "32Ch Head",
    "ConversionSoftware": "dcm2niix",
    "ConversionSoftwareVersion": "v1.0.20211006",
    "Dcm2bidsVersion": "2.1.6",
    "DeviceSerialNumber": "000301496MR3T6MR",
    "EchoTime": 0.0169,
    "EffectiveEchoSpacing": 0.000416,
    "FlipAngle": 90,
    "ImageOrientationPatientDICOM": [
      1,
      0,
      0,
      0,
      1,
      0
    ],
    "ImageType": [
      "ORIGINAL",
      "PRIMARY",
      "OTHER"
    ],
    "ImagingFrequency": 127.696,
    "InPlanePhaseEncodingDirectionDICOM": "COL",
    "InstitutionName": "NIH FMRIF",
    "InternalPulseSequenceName": "EPI",
    "MRAcquisitionType": "2D",
    "MagneticFieldStrength": 3,
    "Manufacturer": "GE",
    "ManufacturersModelName": "DISCOVERY MR750",
    "Modality": "MR",
    "PatientPosition": "HFS",
    "PercentPhaseFOV": 100,
    "PercentSampling": 100,
    "PhaseEncodingDirection": "j",
    "PhaseEncodingPolarityGE": "Flipped",
    "PixelBandwidth": 7812.5,
    "ProcedureStepDescription": "MRI Brain",
    "ProtocolName": "ADNI3 FMRIF Enhanced Pro",
    "PulseSequenceName": "epi",
    "ReconMatrixPE": 64,
    "RepetitionTime": 3,
    "SAR": 0.166554,
    "ScanOptions": "MP_GEMS\\EPI_GEMS\\PFF",
    "ScanningSequence": "EP\\GR",
    "SequenceVariant": "SS",
    "SeriesDescription": "Axial rsfMRI with Eyes Open - RKV",
    "SeriesNumber": 10,
    "SliceThickness": 3.4,
    "SliceTiming": [
      0,
      1.5,
      0.0625,
      1.5625,
      0.125,
      1.625,
      0.1875,
      1.6875,
      0.25,
      1.75,
      0.3125,
      1.8125,
      0.375,
      1.875,
      0.4375,
      1.9375,
      0.5,
      2,
      0.5625,
      2.0625,
      0.625,
      2.125,
      0.6875,
      2.1875,
      0.75,
      2.25,
      0.8125,
      2.3125,
      0.875,
      2.375,
      0.9375,
      2.4375,
      1,
      2.5,
      1.0625,
      2.5625,
      1.125,
      2.625,
      1.1875,
      2.6875,
      1.25,
      2.75,
      1.3125,
      2.8125,
      1.375,
      2.875,
      1.4375,
      2.9375
    ],
    "SoftwareVersions": "27\\LX\\MR Software release:DV26.0_R03_1831.b",
    "SpacingBetweenSlices": 3.4,
    "StationName": "FMRI3tb",
    "TaskName": "Resting state with eyes open.",
    "TotalReadoutTime": 0.026208,
    "TriggerDelayTime": 599938,
    "dataset": "ds004215",
    "modality": "bold",
    "session_id": "01",
    "subject_id": "ON65733",
    "task_id": "rest"
  },
  "dummy_trs": 1,
  "dvars_nstd": 12.098134984898994,
  "dvars_std": 1.4058211758585855,
  "dvars_vstd": 0.9778682621212116,
  "efc": 0.47484003403171643,
  "fber": 5363.85595703125,
  "fd_mean": 0.03801924588850694,
  "fd_num": 0,
  "fd_perc": 0.0,
  "fwhm_avg": 2.623070917502279,
  "fwhm_x": 2.530176,
  "fwhm_y": 2.4640174545454547,
  "fwhm_z": 2.875019297961382,
  "gcor": 0.0384854,
  "gsr_x": -0.006260689813643694,
  "gsr_y": 0.046590931713581085,
  "provenance": {
    "md5sum": "822fc128507aa6f487aab6f2bc51556f",
    "settings": {
      "fd_thres": 0.2,
      "testing": false
    },
    "software": "mriqc",
    "version": "22.0.6",
    "webapi_port": null,
    "webapi_url": "https://mriqc.nimh.nih.gov/api/v1"
  },
  "size_t": 199,
  "size_x": 64,
  "size_y": 64,
  "size_z": 48,
  "snr": 4.504968565975091,
  "spacing_tr": 3.0,
  "spacing_x": 3.4375,
  "spacing_y": 3.4375,
  "spacing_z": 3.4000015258789062,
  "summary_bg_k": 14.393767711604184,
  "summary_bg_mad": 9.685341168546737,
  "summary_bg_mean": 140.19326782226562,
  "summary_bg_median": 34.70854187011719,
  "summary_bg_n": 131024.0,
  "summary_bg_p05": 24.758792877197266,
  "summary_bg_p95": 758.0427001953103,
  "summary_bg_stdv": 271.6820068359375,
  "summary_fg_k": 0.8870538949320812,
  "summary_fg_mad": 509.92955881419937,
  "summary_fg_mean": 2597.289306640625,
  "summary_fg_median": 2537.077880859375,
  "summary_fg_n": 27984.0,
  "summary_fg_p05": 1746.7276733398437,
  "summary_fg_p95": 3579.7413818359373,
  "summary_fg_stdv": 563.1632080078125,
  "tsnr": 149.37837358564138
}