{
  "aor": 0.03468888888888889,
  "aqi": 0.0005934303333333333,
  "bids_meta": {
    "AcquisitionMatrixPE": 64,
    "AcquisitionNumber": 1,
    "AcquisitionTime": "15:29:18.000000",
    "BodyPartExamined": "BRAIN",
    "CoilString": "32Ch Head",
    "ConversionSoftware": "dcm2niix",
    "ConversionSoftwareVersion": "v1.0.20211006",
    "Dcm2bidsVersion": "2.1.6",
    "DeviceSerialNumber": "000301496MR3T6MR",
    "EchoTime": 0.0169,
    "EffectiveEchoSpacing": 0.000416,
    "FlipAngle": 90,
    "ImageOrientationPatientDICOM": [
      1,
      0,
      0,
      0,
      1,
      0
    ],
    "ImageType": [
      "ORIGINAL",
      "PRIMARY",
      "OTHER"
    ],
    "ImagingFrequency": 127.696,
    "InPlanePhaseEncodingDirectionDICOM": "COL",
    "InstitutionName": "NIH FMRIF",
    "InternalPulseSequenceName": "EPI",
    "MRAcquisitionType": "2D",
    "MagneticFieldStrength": 3,
    "Manufacturer": "GE",
    "ManufacturersModelName": "DISCOVERY MR750",
    "Modality": "MR",
    "PatientPosition": "HFS",
    "PercentPhaseFOV": 100,
    "PercentSampling": 100,
    "PhaseEncodingDirection": "j-",
    "PhaseEncodingPolarityGE": "Unflipped",
    "PixelBandwidth": 7812.5,
    "ProcedureStepDescription": "MRI Brain",
    "ProtocolName": "ADNI3 FMRIF Enhanced Pro",
    "PulseSequenceName": "epi",
    "ReconMatrixPE": 64,
    "RepetitionTime": 3,
    "SAR": 0.166554,
    "ScanOptions": "MP_GEMS\\EPI_GEMS\\PFF",
    "ScanningSequence": "EP\\GR",
    "SequenceVariant": "SS",
    "SeriesDescription": "Axial rsfMRI reverse blip - RKV",
    "SeriesNumber": 11,
    "SliceThickness": 3.4,
    "SliceTiming": [
      0,
      1.5,
      0.0625,
      1.5625,
      0.125,
      1.625,
      0.1875,
      1.6875,
      0.25,
      1.75,
      0.3125,
      1.8125,
      0.375,
      1.875,
      0.4375,
      1.9375,
      0.5,
      2,
      0.5625,
      2.0625,
      0.625,
      2.125,
      0.6875,
      2.1875,
      0.75,
      2.25,
      0.8125,
      2.3125,
      0.875,
      2.375,
      0.9375,
      2.4375,
      1,
      2.5,
      1.0625,
      2.5625,
      1.125,
      2.625,
      1.1875,
      2.6875,
      1.25,
      2.75,
      1.3125,
      2.8125,
      1.375,
      2.875,
      1.4375,
      2.9375
    ],
    "SoftwareVersions": "27\\LX\\MR Software release:DV26.0_R03_1831.b",
    "SpacingBetweenSlices": 3.4,
    "StationName": "FMRI3tb",
    "TaskName": "Resting state with reverse blip.",
    "TotalReadoutTime": 0.026208,
    "TriggerDelayTime": 29938,
    "dataset": "ds004215",
    "modality": "bold",
    "session_id": "01",
    "subject_id": "ON65733",
    "task_id": "rest"
  },
  "dummy_trs": 1,
  "dvars_nstd": 12.277650237499998,
  "dvars_std": 1.5547369875000001,
  "dvars_vstd": 1.3600682474999999,
  "efc": 0.480190968288797,
  "fber": 5259.81640625,
  "fd_mean": 0.0354624435481813,
  "fd_num": 0,
  "fd_perc": 0.0,
  "fwhm_avg": 2.545089994630187,
  "fwhm_x": 2.4561454545454544,
  "fwhm_y": 2.426464,
  "fwhm_z": 2.7526605293451065,
  "gcor": 0.014931,
  "gsr_x": -0.008249933831393719,
  "gsr_y": 0.04808272421360016,
  "provenance": {
    "md5sum": "de2bf695fb8eeec178d17ee5a1759f20",
    "settings": {
      "fd_thres": 0.2,
      "testing": false
    },
    "software": "mriqc",
    "version": "22.0.6",
    "webapi_port": null,
    "webapi_url": "https://mriqc.nimh.nih.gov/api/v1"
  },
  "size_t": 9,
  "size_x": 64,
  "size_y": 64,
  "size_z": 48,
  "snr": 4.801471611942585,
  "spacing_tr": 3.0,
  "spacing_x": 3.4375,
  "spacing_y": 3.4375,
  "spacing_z": 3.4000015258789062,
  "summary_bg_k": 14.23035756836983,
  "summary_bg_mad": 10.213482578113995,
  "summary_bg_mean": 143.81983947753906,
  "summary_bg_median": 34.77777862548828,
  "summary_bg_n": 130694.0,
  "summary_bg_p05": 24.0,
  "summary_bg_p95": 771.6666870117188,
  "summary_bg_stdv": 276.8127746582031,
  "summary_fg_k": 1.8528801117864733,
  "summary_fg_mad": 473.44418778831147,
  "summary_fg_mean": 2575.54150390625,
  "summary_fg_median": 2511.0,
  "summary_fg_n": 28543.0,
  "summary_fg_p05": 1818.9000244140625,
  "summary_fg_p95": 3486.099975585937,
  "summary_fg_stdv": 522.9555053710938,
  "tsnr": 228.23899635113776
}