{
  "bids_meta": {
    "AcquisitionMatrixPE": 256,
    "AcquisitionNumber": 1,
    "AcquisitionTime": "14:05:23.000000",
    "BodyPartExamined": "BRAIN",
    "CoilString": "32Ch Head",
    "ConversionSoftware": "dcm2niix",
    "ConversionSoftwareVersion": "v1.0.20211006",
    "Dcm2bidsVersion": "2.1.6",
    "DeviceSerialNumber": "000301496MR3T6MR",
    "EchoTime": 0.00292,
    "FlipAngle": 8,
    "ImageOrientationPatientDICOM": [
      0,
      1,
      0,
      0,
      0,
      -1
    ],
    "ImageType": [
      "ORIGINAL",
      "PRIMARY",
      "OTHER"
    ],
    "ImagingFrequency": 127.697,
    "InPlanePhaseEncodingDirectionDICOM": "ROW",
    "InstitutionName": "NIH FMRIF",
    "InversionTime": 1.06,
    "MRAcquisitionType": "3D",
    "MagneticFieldStrength": 3,
    "Manufacturer": "GE",
    "ManufacturersModelName": "DISCOVERY MR750",
    "Modality": "MR",
    "ParallelReductionFactorInPlane": 2,
    "ParallelReductionOutOfPlane": 2,
    "PatientPosition": "HFS",
    "PercentPhaseFOV": 100,
    "PercentSampling": 100,
    "PixelBandwidth": 244.141,
    "ProcedureStepDescription": "MRI Brain",
    "ProtocolName": "ADNI3 FMRIF Enhanced Pro",
    "ReconMatrixPE": 256,
    "RepetitionTime": 0.006952,
    "SAR": 0.0992625,
    "ScanOptions": "EDR_GEMS\\PROMO_GEMS\\FILTERED_GEMS\\ACC_GEMS\\IR_GEMS",
    "ScanningSequence": "RM",
    "SequenceVariant": "NONE",
    "SeriesDescription": "Anat T1w MP-RAGE 1mm (ABCD)",
    "SeriesNumber": 3,
    "SliceThickness": 1,
    "SoftwareVersions": "27\\LX\\MR Software release:DV26.0_R03_1831.b",
    "SpacingBetweenSlices": 1,
    "StationName": "FMRI3tb",
    "acq_id": "MPRAGE",
    "dataset": "ds004215",
    "modality": "T1w",
    "rec_id": "SCIC",
    "session_id": "01",
    "subject_id": "ON39099"
  },
  "cjv": 0.33486493139229173,
  "cnr": 4.0108604069983915,
  "efc": 0.6925616887162852,
  "fber": 17965.288329575535,
  "fwhm_avg": 3.32592,
  "fwhm_x": 3.28129,
  "fwhm_y": 3.49797,
  "fwhm_z": 3.1985,
  "icvs_csf": 0.21534631884371436,
  "icvs_gm": 0.4372573475086463,
  "icvs_wm": 0.34739633364763933,
  "inu_med": 0.520532876253128,
  "inu_range": 0.07928990572690964,
  "provenance": {
    "md5sum": "6fccef0ca30b035d299bfd31b7617462",
    "settings": {
      "testing": false
    },
    "software": "mriqc",
    "version": "22.0.6",
    "warnings": {
      "large_rot_frame": true,
      "small_air_mask": false
    },
    "webapi_port": null,
    "webapi_url": "https://mriqc.nimh.nih.gov/api/v1"
  },
  "qi_1": 0.0,
  "qi_2": 0.002791300372329522,
  "rpve_csf": 27.59926298239392,
  "rpve_gm": 14.430408212679428,
  "rpve_wm": 21.246849040726236,
  "size_x": 208,
  "size_y": 256,
  "size_z": 256,
  "snr_csf": 1.7859940340935179,
  "snr_gm": 8.381586110410035,
  "snr_total": 9.844504248751674,
  "snr_wm": 19.36593260175147,
  "snrd_csf": 16.443654753365283,
  "snrd_gm": 64.33911029176582,
  "snrd_total": 60.915942810013355,
  "snrd_wm": 101.96506338490897,
  "spacing_x": 1.0,
  "spacing_y": 1.0,
  "spacing_z": 1.0,
  "summary_bg_k": 4.1058953334557815,
  "summary_bg_mad": 6.4249529621887485,
  "summary_bg_mean": 7.657658039714323,
  "summary_bg_median": 4.333564918488264,
  "summary_bg_n": 1029438.0,
  "summary_bg_p05": 0.0,
  "summary_bg_p95": 33.90236422419548,
  "summary_bg_stdv": 11.43553451426199,
  "summary_csf_k": 7.424386409780356,
  "summary_csf_mad": 67.28452121452361,
  "summary_csf_mean": 181.5131554881786,
  "summary_csf_median": 161.26368236728013,
  "summary_csf_n": 35920.0,
  "summary_csf_p05": 79.00974713265896,
  "summary_csf_p95": 365.9599804272874,
  "summary_csf_stdv": 90.29225994687003,
  "summary_gm_k": 0.19021155843262072,
  "summary_gm_mad": 73.94020453170808,
  "summary_gm_mean": 630.7478097494196,
  "summary_gm_median": 630.9766290709376,
  "summary_gm_n": 20553.0,
  "summary_gm_p05": 505.32718878239393,
  "summary_gm_p95": 753.9062186703086,
  "summary_gm_stdv": 75.27946030549224,
  "summary_wm_k": 0.4957334907277384,
  "summary_wm_mad": 49.62477481292746,
  "summary_wm_mean": 999.9189303794612,
  "summary_wm_median": 999.9760905280709,
  "summary_wm_n": 189769.0,
  "summary_wm_p05": 915.4596034437418,
  "summary_wm_p95": 1083.965845964849,
  "summary_wm_stdv": 51.635698438549234,
  "tpm_overlap_csf": 0.15359759635933823,
  "tpm_overlap_gm": 0.4531385578805305,
  "tpm_overlap_wm": 0.49605744623639897,
  "wm2max": 0.6947221344333738
}