{
  "bids_meta": {
    "AcquisitionMatrixPE": 256,
    "AcquisitionNumber": 1,
    "AcquisitionTime": "15:20:42.000000",
    "BodyPartExamined": "BRAIN",
    "CoilString": "32Ch Head",
    "ConversionSoftware": "dcm2niix",
    "ConversionSoftwareVersion": "v1.0.20211006",
    "Dcm2bidsVersion": "2.1.6",
    "DeviceSerialNumber": "000301496MR3T6MR",
    "EchoTime": 0.066902,
    "EchoTrainLength": 140,
    "FlipAngle": 90,
    "ImageOrientationPatientDICOM": [
      0,
      1,
      0,
      0,
      0,
      -1
    ],
    "ImageType": [
      "ORIGINAL",
      "PRIMARY",
      "OTHER"
    ],
    "ImagingFrequency": 127.697,
    "InPlanePhaseEncodingDirectionDICOM": "ROW",
    "InstitutionName": "NIH FMRIF",
    "MRAcquisitionType": "3D",
    "MagneticFieldStrength": 3,
    "Manufacturer": "GE",
    "ManufacturersModelName": "DISCOVERY MR750",
    "Modality": "MR",
    "ParallelReductionFactorInPlane": 2,
    "ParallelReductionOutOfPlane": 1.5,
    "PatientPosition": "HFS",
    "PercentPhaseFOV": 100,
    "PercentSampling": 100,
    "PhaseEncodingAxis": "i",
    "PixelBandwidth": 244.141,
    "ProcedureStepDescription": "MRI Brain",
    "ProtocolName": "ADNI3 FMRIF Enhanced Pro",
    "ReconMatrixPE": 256,
    "RepetitionTime": 3.202,
    "SAR": 0.4833,
    "ScanOptions": "SAT_GEMS\\EDR_GEMS\\PROMO_GEMS\\ACC_GEMS\\FS\\FR_GEMS",
    "ScanningSequence": "RM",
    "SequenceVariant": "NONE",
    "SeriesDescription": "ORIG Anat T2w CUBE (ABCD)",
    "SeriesNumber": 40004,
    "SliceThickness": 1,
    "SoftwareVersions": "27\\LX\\MR Software release:DV26.0_R01_1725.a",
    "SpacingBetweenSlices": 1,
    "StationName": "fmrif3tb",
    "acq_id": "CUBE",
    "dataset": "ds004215",
    "modality": "T2w",
    "session_id": "01",
    "subject_id": "ON93426"
  },
  "cjv": 0.9619122430469073,
  "cnr": 1.0934942782802601,
  "efc": 0.39347886887788486,
  "fber": 5832.059896760414,
  "fwhm_avg": 2.3456799999999998,
  "fwhm_x": 1.96057,
  "fwhm_y": 2.57125,
  "fwhm_z": 2.50522,
  "icvs_csf": 0.23673383155193994,
  "icvs_gm": 0.19157073628962018,
  "icvs_wm": 0.5716954321584399,
  "inu_med": 0.8600380420684814,
  "inu_range": 0.47552279829978905,
  "provenance": {
    "md5sum": "e51bd849d0814b58683faf7e48429275",
    "settings": {
      "testing": false
    },
    "software": "mriqc",
    "version": "22.0.6",
    "warnings": {
      "large_rot_frame": true,
      "small_air_mask": false
    },
    "webapi_port": null,
    "webapi_url": "https://mriqc.nimh.nih.gov/api/v1"
  },
  "qi_1": 0.0,
  "qi_2": 0.014624154437669712,
  "rpve_csf": 23.60300379082894,
  "rpve_gm": 42.58670780264938,
  "rpve_wm": 13.361842563338241,
  "size_x": 204,
  "size_y": 256,
  "size_z": 256,
  "snr_csf": 9.304584687085821,
  "snr_gm": 1.8783420820489878,
  "snr_total": 6.614188496350415,
  "snr_wm": 8.659638719916437,
  "snrd_csf": 32.661062628477964,
  "snrd_gm": 49.211301026646844,
  "snrd_total": 34.103353232815536,
  "snrd_wm": 20.4376960433218,
  "spacing_x": 1.0,
  "spacing_y": 1.0,
  "spacing_z": 1.0,
  "summary_bg_k": 0.4044626592846816,
  "summary_bg_mad": 32.06110447572699,
  "summary_bg_mean": 31.97324407848941,
  "summary_bg_median": 21.624886348843575,
  "summary_bg_n": 3791367.0,
  "summary_bg_p05": 0.0,
  "summary_bg_p95": 91.39232694357634,
  "summary_bg_stdv": 32.35167171801801,
  "summary_csf_k": 0.8998875285513992,
  "summary_csf_mad": 158.60395538131982,
  "summary_csf_mean": 1611.52312421147,
  "summary_csf_median": 1598.369043789804,
  "summary_csf_n": 9791.0,
  "summary_csf_p05": 1351.0117544084787,
  "summary_csf_p95": 1913.7420371621847,
  "summary_csf_stdv": 171.77418133682588,
  "summary_gm_k": -1.5631002175602058,
  "summary_gm_mad": 1238.8751082820372,
  "summary_gm_mean": 1858.5894071496707,
  "summary_gm_median": 2408.305604148656,
  "summary_gm_n": 47774.0,
  "summary_gm_p05": 76.95560114085674,
  "summary_gm_p95": 3494.231286652386,
  "summary_gm_stdv": 1282.1308865095193,
  "summary_wm_k": 0.18947492221759488,
  "summary_wm_mad": 115.6169996596747,
  "summary_wm_mean": 1005.3669560275266,
  "summary_wm_median": 1000.1811959892511,
  "summary_wm_n": 244796.0,
  "summary_wm_p05": 824.5091967601329,
  "summary_wm_p95": 1199.0335028618574,
  "summary_wm_stdv": 115.49894694794908,
  "tpm_overlap_csf": 0.10341043465193317,
  "tpm_overlap_gm": 0.11455768100164086,
  "tpm_overlap_wm": 0.45067066546748313,
  "wm2max": 0.2883413147583805
}