{
  "bids_meta": {
    "AcquisitionMatrixPE": 256,
    "AcquisitionNumber": 1,
    "AcquisitionTime": "14:04:7.000000",
    "BodyPartExamined": "BRAIN",
    "CoilString": "32Ch Head",
    "ConversionSoftware": "dcm2niix",
    "ConversionSoftwareVersion": "v1.0.20211006",
    "Dcm2bidsVersion": "2.1.6",
    "DeviceSerialNumber": "000301496MR3T6MR",
    "EchoTime": 0.00292,
    "FlipAngle": 8,
    "ImageOrientationPatientDICOM": [
      0,
      1,
      0,
      0,
      0,
      -1
    ],
    "ImageType": [
      "ORIGINAL",
      "PRIMARY",
      "OTHER"
    ],
    "ImagingFrequency": 127.697,
    "InPlanePhaseEncodingDirectionDICOM": "ROW",
    "InstitutionName": "NIH FMRIF",
    "InversionTime": 1.06,
    "MRAcquisitionType": "3D",
    "MagneticFieldStrength": 3,
    "Manufacturer": "GE",
    "ManufacturersModelName": "DISCOVERY MR750",
    "Modality": "MR",
    "ParallelReductionFactorInPlane": 2,
    "ParallelReductionOutOfPlane": 2,
    "PatientPosition": "HFS",
    "PercentPhaseFOV": 100,
    "PercentSampling": 100,
    "PixelBandwidth": 244.141,
    "ProcedureStepDescription": "MRI Brain",
    "ProtocolName": "ADNI3 FMRIF Enhanced Pro",
    "ReconMatrixPE": 256,
    "RepetitionTime": 0.006952,
    "SAR": 0.124274,
    "ScanOptions": "EDR_GEMS\\PROMO_GEMS\\FILTERED_GEMS\\ACC_GEMS\\IR_GEMS",
    "ScanningSequence": "RM",
    "SequenceVariant": "NONE",
    "SeriesDescription": "Anat T1w MP-RAGE 1mm (ABCD)",
    "SeriesNumber": 3,
    "SliceThickness": 1,
    "SoftwareVersions": "27\\LX\\MR Software release:DV26.0_R01_1725.a",
    "SpacingBetweenSlices": 1,
    "StationName": "fmrif3tb",
    "acq_id": "MPRAGE",
    "dataset": "ds004215",
    "modality": "T1w",
    "rec_id": "SCIC",
    "session_id": "01",
    "subject_id": "ON52992"
  },
  "cjv": 0.3565648985027865,
  "cnr": 3.7837799519729445,
  "efc": 0.6941823985525388,
  "fber": 19314.015706674072,
  "fwhm_avg": 3.5777433333333337,
  "fwhm_x": 3.499,
  "fwhm_y": 3.74324,
  "fwhm_z": 3.49099,
  "icvs_csf": 0.22667841212706913,
  "icvs_gm": 0.4199737627042108,
  "icvs_wm": 0.35334782516872015,
  "inu_med": 0.4550630450248718,
  "inu_range": 0.06251135468482971,
  "provenance": {
    "md5sum": "d71107bdf20d916d86fb30bb67060332",
    "settings": {
      "testing": false
    },
    "software": "mriqc",
    "version": "22.0.6",
    "warnings": {
      "large_rot_frame": true,
      "small_air_mask": false
    },
    "webapi_port": null,
    "webapi_url": "https://mriqc.nimh.nih.gov/api/v1"
  },
  "qi_1": 0.0,
  "qi_2": 0.0017712431325658305,
  "rpve_csf": 22.38859678167009,
  "rpve_gm": 12.441386092224043,
  "rpve_wm": 17.477950618781694,
  "size_x": 208,
  "size_y": 256,
  "size_z": 256,
  "snr_csf": 1.861434891663401,
  "snr_gm": 8.335826214275073,
  "snr_total": 9.688390913008734,
  "snr_wm": 18.86791163308773,
  "snrd_csf": 12.043438088278394,
  "snrd_gm": 47.65475618868098,
  "snrd_total": 44.567481796205044,
  "snrd_wm": 74.00425111165576,
  "spacing_x": 1.0,
  "spacing_y": 1.0,
  "spacing_z": 1.0,
  "summary_bg_k": 10.843929403530206,
  "summary_bg_mad": 0.0,
  "summary_bg_mean": 4.713761858343255,
  "summary_bg_median": 0.0,
  "summary_bg_n": 799829.0,
  "summary_bg_p05": 0.0,
  "summary_bg_p95": 24.160486238077283,
  "summary_bg_stdv": 8.85288985282773,
  "summary_csf_k": 2.796028190903523,
  "summary_csf_mad": 65.1186698544303,
  "summary_csf_mean": 182.50140589733175,
  "summary_csf_median": 162.7435612566769,
  "summary_csf_n": 57364.0,
  "summary_csf_p05": 80.40443990193307,
  "summary_csf_p95": 364.84867730922997,
  "summary_csf_stdv": 87.42832932961961,
  "summary_gm_k": 0.03711987208279588,
  "summary_gm_mad": 76.14820858698457,
  "summary_gm_mean": 642.5201410566644,
  "summary_gm_median": 643.9610247602686,
  "summary_gm_n": 33754.0,
  "summary_gm_p05": 512.5132391950116,
  "summary_gm_p95": 768.713430583477,
  "summary_gm_stdv": 77.2510689527181,
  "summary_wm_k": 0.5993382936227305,
  "summary_wm_mad": 50.81100196297445,
  "summary_wm_mean": 999.4888899130095,
  "summary_wm_median": 1000.0230238046497,
  "summary_wm_n": 246632.0,
  "summary_wm_p05": 911.9616214147769,
  "summary_wm_p95": 1084.7344331312925,
  "summary_wm_stdv": 53.00114903497237,
  "tpm_overlap_csf": 0.1565090307538035,
  "tpm_overlap_gm": 0.441492766943033,
  "tpm_overlap_wm": 0.5066564568669157,
  "wm2max": 0.7267751330722105
}