{
  "aor": 0.03788,
  "aqi": 0.0011652972222222222,
  "bids_meta": {
    "AcquisitionMatrixPE": 64,
    "AcquisitionNumber": 1,
    "AcquisitionTime": "15:20:39.000000",
    "BodyPartExamined": "BRAIN",
    "CoilString": "32Ch Head",
    "ConversionSoftware": "dcm2niix",
    "ConversionSoftwareVersion": "v1.0.20211006",
    "Dcm2bidsVersion": "2.1.6",
    "DeviceSerialNumber": "000301496MR3T6MR",
    "EchoTime": 0.0169,
    "EffectiveEchoSpacing": 0.000416,
    "FlipAngle": 90,
    "ImageOrientationPatientDICOM": [
      1,
      0,
      0,
      0,
      1,
      0
    ],
    "ImageType": [
      "ORIGINAL",
      "PRIMARY",
      "OTHER"
    ],
    "ImagingFrequency": 127.697,
    "InPlanePhaseEncodingDirectionDICOM": "COL",
    "InstitutionName": "NIH FMRIF",
    "InternalPulseSequenceName": "EPI",
    "MRAcquisitionType": "2D",
    "MagneticFieldStrength": 3,
    "Manufacturer": "GE",
    "ManufacturersModelName": "DISCOVERY MR750",
    "Modality": "MR",
    "PatientPosition": "HFS",
    "PercentPhaseFOV": 100,
    "PercentSampling": 100,
    "PhaseEncodingDirection": "j-",
    "PhaseEncodingPolarityGE": "Unflipped",
    "PixelBandwidth": 7812.5,
    "ProcedureStepDescription": "MRI Brain",
    "ProtocolName": "ADNI3 FMRIF Enhanced Pro",
    "PulseSequenceName": "epi",
    "ReconMatrixPE": 64,
    "RepetitionTime": 3,
    "SAR": 0.208292,
    "ScanOptions": "MP_GEMS\\EPI_GEMS\\PFF",
    "ScanningSequence": "EP\\GR",
    "SequenceVariant": "SS",
    "SeriesDescription": "Axial rsfMRI reverse blip - RKV",
    "SeriesNumber": 12,
    "SliceThickness": 3.4,
    "SliceTiming": [
      0,
      1.5,
      0.0625,
      1.5625,
      0.125,
      1.625,
      0.1875,
      1.6875,
      0.25,
      1.75,
      0.3125,
      1.8125,
      0.375,
      1.875,
      0.4375,
      1.9375,
      0.5,
      2,
      0.5625,
      2.0625,
      0.625,
      2.125,
      0.6875,
      2.1875,
      0.75,
      2.25,
      0.8125,
      2.3125,
      0.875,
      2.375,
      0.9375,
      2.4375,
      1,
      2.5,
      1.0625,
      2.5625,
      1.125,
      2.625,
      1.1875,
      2.6875,
      1.25,
      2.75,
      1.3125,
      2.8125,
      1.375,
      2.875,
      1.4375,
      2.9375
    ],
    "SoftwareVersions": "27\\LX\\MR Software release:DV26.0_R01_1725.a",
    "SpacingBetweenSlices": 3.4,
    "StationName": "fmrif3tb",
    "TaskName": "Resting state with reverse blip.",
    "TotalReadoutTime": 0.026208,
    "TriggerDelayTime": 29938,
    "dataset": "ds004215",
    "modality": "bold",
    "session_id": "01",
    "subject_id": "ON99871",
    "task_id": "rest"
  },
  "dummy_trs": 1,
  "dvars_nstd": 14.755210995,
  "dvars_std": 1.3303130575000002,
  "dvars_vstd": 1.41351545,
  "efc": 0.49797039326666714,
  "fber": 4278.7666015625,
  "fd_mean": 0.07511287236042871,
  "fd_num": 0,
  "fd_perc": 0.0,
  "fwhm_avg": 2.7352052084506724,
  "fwhm_x": 2.6392930909090913,
  "fwhm_y": 2.634370909090909,
  "fwhm_z": 2.931951625352018,
  "gcor": 0.0886249,
  "gsr_x": 0.0032386856619268656,
  "gsr_y": 0.06363178044557571,
  "provenance": {
    "md5sum": "c1c05cc7059518b8dc4cc64a77ab3559",
    "settings": {
      "fd_thres": 0.2,
      "testing": false
    },
    "software": "mriqc",
    "version": "22.0.6",
    "webapi_port": null,
    "webapi_url": "https://mriqc.nimh.nih.gov/api/v1"
  },
  "size_t": 9,
  "size_x": 64,
  "size_y": 64,
  "size_z": 48,
  "snr": 4.01708428307536,
  "spacing_tr": 3.0,
  "spacing_x": 3.4375,
  "spacing_y": 3.4375,
  "spacing_z": 3.4000015258789062,
  "summary_bg_k": 30.72440927935638,
  "summary_bg_mad": 17.62649084280269,
  "summary_bg_mean": 170.64024353027344,
  "summary_bg_median": 40.11111068725586,
  "summary_bg_n": 127889.0,
  "summary_bg_p05": 23.88888931274414,
  "summary_bg_p95": 830.7777709960938,
  "summary_bg_stdv": 324.224365234375,
  "summary_fg_k": 0.21228507537330676,
  "summary_fg_mad": 639.4956362609389,
  "summary_fg_mean": 2606.390380859375,
  "summary_fg_median": 2538.22216796875,
  "summary_fg_n": 31483.0,
  "summary_fg_p05": 1713.6666259765625,
  "summary_fg_p95": 3754.7556152343745,
  "summary_fg_stdv": 631.8468017578125,
  "tsnr": 148.87400722503662
}