{
  "aor": 0.005305606060606061,
  "aqi": 0.0021176255252525252,
  "bids_meta": {
    "AcquisitionMatrixPE": 64,
    "AcquisitionNumber": 1,
    "AcquisitionTime": "15:09:33.000000",
    "BodyPartExamined": "BRAIN",
    "CoilString": "32Ch Head",
    "ConversionSoftware": "dcm2niix",
    "ConversionSoftwareVersion": "v1.0.20211006",
    "Dcm2bidsVersion": "2.1.6",
    "DeviceSerialNumber": "000301496MR3T6MR",
    "EchoTime": 0.0169,
    "EffectiveEchoSpacing": 0.000416,
    "FlipAngle": 90,
    "ImageOrientationPatientDICOM": [
      1,
      0,
      0,
      0,
      1,
      0
    ],
    "ImageType": [
      "ORIGINAL",
      "PRIMARY",
      "OTHER"
    ],
    "ImagingFrequency": 127.697,
    "InPlanePhaseEncodingDirectionDICOM": "COL",
    "InstitutionName": "NIH FMRIF",
    "InternalPulseSequenceName": "EPI",
    "MRAcquisitionType": "2D",
    "MagneticFieldStrength": 3,
    "Manufacturer": "GE",
    "ManufacturersModelName": "DISCOVERY MR750",
    "Modality": "MR",
    "PatientPosition": "HFS",
    "PercentPhaseFOV": 100,
    "PercentSampling": 100,
    "PhaseEncodingDirection": "j",
    "PhaseEncodingPolarityGE": "Flipped",
    "PixelBandwidth": 7812.5,
    "ProcedureStepDescription": "MRI Brain",
    "ProtocolName": "ADNI3 FMRIF Enhanced Pro",
    "PulseSequenceName": "epi",
    "ReconMatrixPE": 64,
    "RepetitionTime": 3,
    "SAR": 0.208047,
    "ScanOptions": "MP_GEMS\\EPI_GEMS\\PFF",
    "ScanningSequence": "EP\\GR",
    "SequenceVariant": "SS",
    "SeriesDescription": "Axial rsfMRI with Eyes Open - RKV",
    "SeriesNumber": 11,
    "SliceThickness": 3.4,
    "SliceTiming": [
      0,
      1.5,
      0.0625,
      1.5625,
      0.125,
      1.625,
      0.1875,
      1.6875,
      0.25,
      1.75,
      0.3125,
      1.8125,
      0.375,
      1.875,
      0.4375,
      1.9375,
      0.5,
      2,
      0.5625,
      2.0625,
      0.625,
      2.125,
      0.6875,
      2.1875,
      0.75,
      2.25,
      0.8125,
      2.3125,
      0.875,
      2.375,
      0.9375,
      2.4375,
      1,
      2.5,
      1.0625,
      2.5625,
      1.125,
      2.625,
      1.1875,
      2.6875,
      1.25,
      2.75,
      1.3125,
      2.8125,
      1.375,
      2.875,
      1.4375,
      2.9375
    ],
    "SoftwareVersions": "27\\LX\\MR Software release:DV26.0_R01_1725.a",
    "SpacingBetweenSlices": 3.4,
    "StationName": "fmrif3tb",
    "TaskName": "Resting state with eyes open.",
    "TotalReadoutTime": 0.026208,
    "TriggerDelayTime": 599938,
    "dataset": "ds004215",
    "modality": "bold",
    "session_id": "01",
    "subject_id": "ON99871",
    "task_id": "rest"
  },
  "dummy_trs": 2,
  "dvars_nstd": 12.573127993857877,
  "dvars_std": 1.1047615044162433,
  "dvars_vstd": 0.9471449788324872,
  "efc": 0.4914038714424052,
  "fber": 4143.93408203125,
  "fd_mean": 0.08029333587394188,
  "fd_num": 8,
  "fd_perc": 4.040404040404041,
  "fwhm_avg": 2.8384679897934793,
  "fwhm_x": 2.7261847272727273,
  "fwhm_y": 2.6229265454545456,
  "fwhm_z": 3.1662926966531657,
  "gcor": 0.11243,
  "gsr_x": 0.006705999840050936,
  "gsr_y": 0.060756564140319824,
  "provenance": {
    "md5sum": "56f69cba2520f6d5a7dab0f616e8fda0",
    "settings": {
      "fd_thres": 0.2,
      "testing": false
    },
    "software": "mriqc",
    "version": "22.0.6",
    "webapi_port": null,
    "webapi_url": "https://mriqc.nimh.nih.gov/api/v1"
  },
  "size_t": 198,
  "size_x": 64,
  "size_y": 64,
  "size_z": 48,
  "snr": 3.7171079139514394,
  "spacing_tr": 3.0,
  "spacing_x": 3.4375,
  "spacing_y": 3.4375,
  "spacing_z": 3.4000015258789062,
  "summary_bg_k": 50.10961451384971,
  "summary_bg_mad": 20.659085518517063,
  "summary_bg_mean": 172.54119873046875,
  "summary_bg_median": 41.31312942504883,
  "summary_bg_n": 128835.0,
  "summary_bg_p05": 21.276263427734378,
  "summary_bg_p95": 851.0313293457029,
  "summary_bg_stdv": 337.85101318359375,
  "summary_fg_k": 0.5999148382245507,
  "summary_fg_mad": 678.5900397065017,
  "summary_fg_mean": 2636.869873046875,
  "summary_fg_median": 2550.41162109375,
  "summary_fg_n": 30836.0,
  "summary_fg_p05": 1698.8345947265625,
  "summary_fg_p95": 3890.3800048828125,
  "summary_fg_stdv": 686.1168212890625,
  "tsnr": 96.13417552784085
}