{
  "bids_meta": {
    "AcquisitionMatrixPE": 256,
    "AcquisitionNumber": 1,
    "AcquisitionTime": "15:18:14.000000",
    "BodyPartExamined": "BRAIN",
    "CoilString": "32Ch Head",
    "ConversionSoftware": "dcm2niix",
    "ConversionSoftwareVersion": "v1.0.20211006",
    "Dcm2bidsVersion": "2.1.6",
    "DeviceSerialNumber": "000301496MR3T6MR",
    "EchoTime": 0.066697,
    "EchoTrainLength": 140,
    "FlipAngle": 90,
    "ImageOrientationPatientDICOM": [
      0,
      1,
      0,
      0,
      0,
      -1
    ],
    "ImageType": [
      "ORIGINAL",
      "PRIMARY",
      "OTHER"
    ],
    "ImagingFrequency": 127.697,
    "InPlanePhaseEncodingDirectionDICOM": "ROW",
    "InstitutionName": "NIH FMRIF",
    "MRAcquisitionType": "3D",
    "MagneticFieldStrength": 3,
    "Manufacturer": "GE",
    "ManufacturersModelName": "DISCOVERY MR750",
    "Modality": "MR",
    "ParallelReductionFactorInPlane": 2,
    "ParallelReductionOutOfPlane": 1.5,
    "PatientPosition": "HFS",
    "PercentPhaseFOV": 100,
    "PercentSampling": 100,
    "PhaseEncodingAxis": "i",
    "PixelBandwidth": 244.141,
    "ProcedureStepDescription": "MRI Brain",
    "ProtocolName": "ADNI3 FMRIF Enhanced Pro",
    "ReconMatrixPE": 256,
    "RepetitionTime": 3.202,
    "SAR": 0.4248,
    "ScanOptions": "SAT_GEMS\\EDR_GEMS\\PROMO_GEMS\\FILTERED_GEMS\\ACC_GEMS\\FS\\FR_GEMS",
    "ScanningSequence": "RM",
    "SequenceVariant": "NONE",
    "SeriesDescription": "Anat T2w CUBE (ABCD)",
    "SeriesNumber": 4,
    "SliceThickness": 1,
    "SoftwareVersions": "27\\LX\\MR Software release:DV26.0_R01_1725.a",
    "SpacingBetweenSlices": 1,
    "StationName": "fmrif3tb",
    "acq_id": "CUBE",
    "dataset": "ds004215",
    "modality": "T2w",
    "rec_id": "SCIC",
    "session_id": "01",
    "subject_id": "ON02693"
  },
  "cjv": 0.9700933802606302,
  "cnr": 1.005081524891978,
  "efc": 0.47319706091159336,
  "fber": 7869.302809917355,
  "fwhm_avg": 2.292173333333333,
  "fwhm_x": 1.92329,
  "fwhm_y": 2.60302,
  "fwhm_z": 2.35021,
  "icvs_csf": 0.3410211748218433,
  "icvs_gm": 0.47237680261418236,
  "icvs_wm": 0.18660202256397435,
  "inu_med": 0.8304274380207062,
  "inu_range": 0.1517899990081787,
  "provenance": {
    "md5sum": "08b917b2fdbef33a6136ff92c75b5473",
    "settings": {
      "testing": false
    },
    "software": "mriqc",
    "version": "22.0.6",
    "warnings": {
      "large_rot_frame": true,
      "small_air_mask": false
    },
    "webapi_port": null,
    "webapi_url": "https://mriqc.nimh.nih.gov/api/v1"
  },
  "qi_1": 3.597869359315995e-05,
  "qi_2": 0.011329032266346281,
  "rpve_csf": 15.894187623289007,
  "rpve_gm": 13.051429271536396,
  "rpve_wm": 35.00366256127242,
  "size_x": 204,
  "size_y": 256,
  "size_z": 256,
  "snr_csf": 13.144785421029365,
  "snr_gm": 12.958649354360485,
  "snr_total": 9.316598140680714,
  "snr_wm": 1.8463596466522927,
  "snrd_csf": 63.74967521477636,
  "snrd_gm": 45.153954231585296,
  "snrd_total": 69.4190672945982,
  "snrd_wm": 99.35357243743294,
  "spacing_x": 1.0,
  "spacing_y": 1.0,
  "spacing_z": 1.0,
  "summary_bg_k": 402.58958353029,
  "summary_bg_mad": 6.597925707156466,
  "summary_bg_mean": 4.818125955085243,
  "summary_bg_median": 4.580483991652727,
  "summary_bg_n": 3174150.0,
  "summary_bg_p05": 0.0,
  "summary_bg_p95": 13.220449056476355,
  "summary_bg_stdv": 5.619838044983175,
  "summary_csf_k": 0.43460299956184745,
  "summary_csf_mad": 47.762545119122905,
  "summary_csf_mean": 643.3319124307734,
  "summary_csf_median": 642.0275547541678,
  "summary_csf_n": 23804.0,
  "summary_csf_p05": 566.7241808468476,
  "summary_csf_p95": 725.0558823507279,
  "summary_csf_stdv": 48.84173064385574,
  "summary_gm_k": 0.1976280281909566,
  "summary_gm_mad": 34.92072874275495,
  "summary_gm_mean": 454.5553286441866,
  "summary_gm_median": 454.7487140148878,
  "summary_gm_n": 167018.0,
  "summary_gm_p05": 396.4398040547967,
  "summary_gm_p95": 510.9736123010516,
  "summary_gm_stdv": 35.0921874804391,
  "summary_wm_k": -1.7204174351023935,
  "summary_wm_mad": 494.60304051086337,
  "summary_wm_mean": 763.3917422655259,
  "summary_wm_median": 1000.5969591718167,
  "summary_wm_n": 52486.0,
  "summary_wm_p05": 27.85194768384099,
  "summary_wm_p95": 1342.2717585349455,
  "summary_wm_stdv": 541.9244451664075,
  "tpm_overlap_csf": 0.10216239403517874,
  "tpm_overlap_gm": 0.3086207890904324,
  "tpm_overlap_wm": 0.04505381582915715,
  "wm2max": 0.7469089789502682
}