{
  "aor": 0.03363555555555556,
  "aqi": 0.0010363791111111112,
  "bids_meta": {
    "AcquisitionMatrixPE": 64,
    "AcquisitionNumber": 1,
    "AcquisitionTime": "15:55:31.000000",
    "BodyPartExamined": "BRAIN",
    "CoilString": "32Ch Head",
    "ConversionSoftware": "dcm2niix",
    "ConversionSoftwareVersion": "v1.0.20211006",
    "Dcm2bidsVersion": "2.1.6",
    "DeviceSerialNumber": "000301496MR3T6MR",
    "EchoTime": 0.0169,
    "EffectiveEchoSpacing": 0.000416,
    "FlipAngle": 90,
    "ImageOrientationPatientDICOM": [
      1,
      0,
      0,
      0,
      1,
      0
    ],
    "ImageType": [
      "ORIGINAL",
      "PRIMARY",
      "OTHER"
    ],
    "ImagingFrequency": 127.697,
    "InPlanePhaseEncodingDirectionDICOM": "COL",
    "InstitutionName": "NIH FMRIF",
    "InternalPulseSequenceName": "EPI",
    "MRAcquisitionType": "2D",
    "MagneticFieldStrength": 3,
    "Manufacturer": "GE",
    "ManufacturersModelName": "DISCOVERY MR750",
    "Modality": "MR",
    "PatientPosition": "HFS",
    "PercentPhaseFOV": 100,
    "PercentSampling": 100,
    "PhaseEncodingDirection": "j-",
    "PhaseEncodingPolarityGE": "Unflipped",
    "PixelBandwidth": 7812.5,
    "ProcedureStepDescription": "MRI Brain",
    "ProtocolName": "ADNI3 FMRIF Enhanced Pro",
    "PulseSequenceName": "epi",
    "ReconMatrixPE": 64,
    "RepetitionTime": 3,
    "SAR": 0.148888,
    "ScanOptions": "MP_GEMS\\EPI_GEMS\\PFF",
    "ScanningSequence": "EP\\GR",
    "SequenceVariant": "SS",
    "SeriesDescription": "Axial rsfMRI reverse blip - RKV",
    "SeriesNumber": 11,
    "SliceThickness": 3.4,
    "SliceTiming": [
      0,
      1.5,
      0.0625,
      1.5625,
      0.125,
      1.625,
      0.1875,
      1.6875,
      0.25,
      1.75,
      0.3125,
      1.8125,
      0.375,
      1.875,
      0.4375,
      1.9375,
      0.5,
      2,
      0.5625,
      2.0625,
      0.625,
      2.125,
      0.6875,
      2.1875,
      0.75,
      2.25,
      0.8125,
      2.3125,
      0.875,
      2.375,
      0.9375,
      2.4375,
      1,
      2.5,
      1.0625,
      2.5625,
      1.125,
      2.625,
      1.1875,
      2.6875,
      1.25,
      2.75,
      1.3125,
      2.8125,
      1.375,
      2.875,
      1.4375,
      2.9375
    ],
    "SoftwareVersions": "27\\LX\\MR Software release:DV26.0_R03_1831.b",
    "SpacingBetweenSlices": 3.4,
    "StationName": "FMRI3tb",
    "TaskName": "Resting state with reverse blip.",
    "TotalReadoutTime": 0.026208,
    "TriggerDelayTime": 29938,
    "dataset": "ds004215",
    "modality": "bold",
    "session_id": "01",
    "subject_id": "ON26105",
    "task_id": "rest"
  },
  "dummy_trs": 1,
  "dvars_nstd": 10.74655783375,
  "dvars_std": 1.3871572912499999,
  "dvars_vstd": 1.3042261,
  "efc": 0.4490037615136256,
  "fber": 5373.15283203125,
  "fd_mean": 0.031675288105196896,
  "fd_num": 0,
  "fd_perc": 0.0,
  "fwhm_avg": 2.370566646088911,
  "fwhm_x": 2.3728465454545455,
  "fwhm_y": 2.352104727272727,
  "fwhm_z": 2.3867486655394603,
  "gcor": 0.0130069,
  "gsr_x": -0.011411168612539768,
  "gsr_y": 0.036633048206567764,
  "provenance": {
    "md5sum": "4af8098a85c567e1c105f1c360c75b21",
    "settings": {
      "fd_thres": 0.2,
      "testing": false
    },
    "software": "mriqc",
    "version": "22.0.6",
    "webapi_port": null,
    "webapi_url": "https://mriqc.nimh.nih.gov/api/v1"
  },
  "size_t": 9,
  "size_x": 64,
  "size_y": 64,
  "size_z": 48,
  "snr": 5.258614006803607,
  "spacing_tr": 3.0,
  "spacing_x": 3.4375,
  "spacing_y": 3.4375,
  "spacing_z": 3.3999977111816406,
  "summary_bg_k": 25.341884534058092,
  "summary_bg_mad": 7.907212774642982,
  "summary_bg_mean": 109.88957214355469,
  "summary_bg_median": 31.88888931274414,
  "summary_bg_n": 136818.0,
  "summary_bg_p05": 24.11111068725586,
  "summary_bg_p95": 531.7944427490228,
  "summary_bg_stdv": 207.4948272705078,
  "summary_fg_k": 0.4338370147587667,
  "summary_fg_mad": 417.10566544853083,
  "summary_fg_mean": 2372.106689453125,
  "summary_fg_median": 2326.444580078125,
  "summary_fg_n": 24869.0,
  "summary_fg_p05": 1700.4444580078125,
  "summary_fg_p95": 3154.3111816406245,
  "summary_fg_stdv": 442.39752197265625,
  "tsnr": 220.31094775162637
}