{
  "bids_meta": {
    "AcquisitionMatrixPE": 256,
    "AcquisitionNumber": 1,
    "AcquisitionTime": "15:07:12.000000",
    "BodyPartExamined": "BRAIN",
    "CoilString": "32Ch Head",
    "ConversionSoftware": "dcm2niix",
    "ConversionSoftwareVersion": "v1.0.20211006",
    "Dcm2bidsVersion": "2.1.6",
    "DeviceSerialNumber": "000301496MR3T6MR",
    "EchoTime": 0.00292,
    "FlipAngle": 8,
    "ImageOrientationPatientDICOM": [
      0,
      1,
      0,
      0,
      0,
      -1
    ],
    "ImageType": [
      "ORIGINAL",
      "PRIMARY",
      "OTHER"
    ],
    "ImagingFrequency": 127.696,
    "InPlanePhaseEncodingDirectionDICOM": "ROW",
    "InstitutionName": "NIH FMRIF",
    "InversionTime": 1.06,
    "MRAcquisitionType": "3D",
    "MagneticFieldStrength": 3,
    "Manufacturer": "GE",
    "ManufacturersModelName": "DISCOVERY MR750",
    "Modality": "MR",
    "ParallelReductionFactorInPlane": 2,
    "ParallelReductionOutOfPlane": 2,
    "PatientPosition": "HFS",
    "PercentPhaseFOV": 100,
    "PercentSampling": 100,
    "PixelBandwidth": 244.141,
    "ProcedureStepDescription": "MRI Brain",
    "ProtocolName": "ADNI3 FMRIF Enhanced Pro",
    "ReconMatrixPE": 256,
    "RepetitionTime": 0.006952,
    "SAR": 0.108999,
    "ScanOptions": "EDR_GEMS\\PROMO_GEMS\\FILTERED_GEMS\\ACC_GEMS\\IR_GEMS",
    "ScanningSequence": "RM",
    "SequenceVariant": "NONE",
    "SeriesDescription": "Anat T1w MP-RAGE 1mm (ABCD)",
    "SeriesNumber": 3,
    "SliceThickness": 1,
    "SoftwareVersions": "27\\LX\\MR Software release:DV26.0_R03_1831.b",
    "SpacingBetweenSlices": 1,
    "StationName": "FMRI3tb",
    "acq_id": "MPRAGE",
    "dataset": "ds004215",
    "modality": "T1w",
    "rec_id": "SCIC",
    "session_id": "01",
    "subject_id": "ON94856"
  },
  "cjv": 0.4120997879682572,
  "cnr": 3.3158632192560504,
  "efc": 0.65909799569778,
  "fber": 15799.166869806095,
  "fwhm_avg": 3.57558,
  "fwhm_x": 3.47937,
  "fwhm_y": 3.81721,
  "fwhm_z": 3.43016,
  "icvs_csf": 0.24294127820476907,
  "icvs_gm": 0.39299149967442887,
  "icvs_wm": 0.36406722212080206,
  "inu_med": 0.44413772225379944,
  "inu_range": 0.0696513742208481,
  "provenance": {
    "md5sum": "16ddb35fdc51f004b0775267a9ccab53",
    "settings": {
      "testing": false
    },
    "software": "mriqc",
    "version": "22.0.6",
    "warnings": {
      "large_rot_frame": true,
      "small_air_mask": false
    },
    "webapi_port": null,
    "webapi_url": "https://mriqc.nimh.nih.gov/api/v1"
  },
  "qi_1": 0.0,
  "qi_2": 0.0027137528614394743,
  "rpve_csf": 30.065303479807184,
  "rpve_gm": 18.03444635538397,
  "rpve_wm": 23.313795847102714,
  "size_x": 208,
  "size_y": 256,
  "size_z": 256,
  "snr_csf": 1.5722164021824463,
  "snr_gm": 8.218906972420472,
  "snr_total": 9.887360066041298,
  "snr_wm": 19.87095682352098,
  "snrd_csf": 10.653930854224832,
  "snrd_gm": 46.1880813380268,
  "snrd_total": 41.65518582910823,
  "snrd_wm": 68.12354529507304,
  "spacing_x": 1.0,
  "spacing_y": 1.0,
  "spacing_z": 1.0,
  "summary_bg_k": 8.094878944437633,
  "summary_bg_mad": 0.0,
  "summary_bg_mean": 5.206857114021562,
  "summary_bg_median": 0.0,
  "summary_bg_n": 764481.0,
  "summary_bg_p05": 0.0,
  "summary_bg_p95": 27.750470720231533,
  "summary_bg_stdv": 9.616886542896527,
  "summary_csf_k": 2.391431882098602,
  "summary_csf_mad": 68.33554090552026,
  "summary_csf_mean": 183.53595673529324,
  "summary_csf_median": 156.39131677150726,
  "summary_csf_n": 48406.0,
  "summary_csf_p05": 75.49925637245178,
  "summary_csf_p95": 403.20338543178514,
  "summary_csf_stdv": 99.47084964484247,
  "summary_gm_k": -0.10931222685383846,
  "summary_gm_mad": 83.72248933001127,
  "summary_gm_mean": 676.1342134475087,
  "summary_gm_median": 678.0046687405556,
  "summary_gm_n": 21680.0,
  "summary_gm_p05": 537.3690468582324,
  "summary_gm_p95": 809.678967056796,
  "summary_gm_stdv": 82.49138653062677,
  "summary_wm_k": 0.3108193090138691,
  "summary_wm_mad": 48.971722184577594,
  "summary_wm_mean": 999.8784933173994,
  "summary_wm_median": 1000.0000091623515,
  "summary_wm_n": 185874.0,
  "summary_wm_p05": 917.3665224630386,
  "summary_wm_p95": 1081.5380825437605,
  "summary_wm_stdv": 50.324568064116995,
  "tpm_overlap_csf": 0.16035971660241477,
  "tpm_overlap_gm": 0.4562397862746611,
  "tpm_overlap_wm": 0.5207776393469046,
  "wm2max": 0.6160221472445714
}