{
  "bids_meta": {
    "AcquisitionMatrixPE": 256,
    "AcquisitionNumber": 1,
    "AcquisitionTime": "15:13:46.000000",
    "BodyPartExamined": "BRAIN",
    "CoilString": "32Ch Head",
    "ConversionSoftware": "dcm2niix",
    "ConversionSoftwareVersion": "v1.0.20211006",
    "Dcm2bidsVersion": "2.1.6",
    "DeviceSerialNumber": "000301496MR3T6MR",
    "EchoTime": 0.066226,
    "EchoTrainLength": 140,
    "FlipAngle": 90,
    "ImageOrientationPatientDICOM": [
      0,
      1,
      0,
      0,
      0,
      -1
    ],
    "ImageType": [
      "ORIGINAL",
      "PRIMARY",
      "OTHER"
    ],
    "ImagingFrequency": 127.696,
    "InPlanePhaseEncodingDirectionDICOM": "ROW",
    "InstitutionName": "NIH FMRIF",
    "MRAcquisitionType": "3D",
    "MagneticFieldStrength": 3,
    "Manufacturer": "GE",
    "ManufacturersModelName": "DISCOVERY MR750",
    "Modality": "MR",
    "ParallelReductionFactorInPlane": 2,
    "ParallelReductionOutOfPlane": 1.5,
    "PatientPosition": "HFS",
    "PercentPhaseFOV": 100,
    "PercentSampling": 100,
    "PhaseEncodingAxis": "i",
    "PixelBandwidth": 244.141,
    "ProcedureStepDescription": "MRI Brain",
    "ProtocolName": "ADNI3 FMRIF Enhanced Pro",
    "ReconMatrixPE": 256,
    "RepetitionTime": 3.202,
    "SAR": 0.4326,
    "ScanOptions": "SAT_GEMS\\EDR_GEMS\\PROMO_GEMS\\FILTERED_GEMS\\ACC_GEMS\\FS\\FR_GEMS",
    "ScanningSequence": "RM",
    "SequenceVariant": "NONE",
    "SeriesDescription": "Anat T2w CUBE (ABCD)",
    "SeriesNumber": 4,
    "SliceThickness": 1,
    "SoftwareVersions": "27\\LX\\MR Software release:DV26.0_R03_1831.b",
    "SpacingBetweenSlices": 1,
    "StationName": "FMRI3tb",
    "acq_id": "CUBE",
    "dataset": "ds004215",
    "modality": "T2w",
    "rec_id": "SCIC",
    "session_id": "01",
    "subject_id": "ON94856"
  },
  "cjv": 0.3238803607591861,
  "cnr": 1.6274096212195475,
  "efc": 0.40262845935965896,
  "fber": 8179.428218218447,
  "fwhm_avg": 2.3714,
  "fwhm_x": 1.97963,
  "fwhm_y": 2.7046,
  "fwhm_z": 2.42997,
  "icvs_csf": 0.2852720357972118,
  "icvs_gm": 0.2243437151804512,
  "icvs_wm": 0.490384249022337,
  "inu_med": 0.7696296870708466,
  "inu_range": 0.1574475139379502,
  "provenance": {
    "md5sum": "8c7694683b57acbb77a7acab56917960",
    "settings": {
      "testing": false
    },
    "software": "mriqc",
    "version": "22.0.6",
    "warnings": {
      "large_rot_frame": true,
      "small_air_mask": false
    },
    "webapi_port": null,
    "webapi_url": "https://mriqc.nimh.nih.gov/api/v1"
  },
  "qi_1": 0.0,
  "qi_2": 0.012660963587919728,
  "rpve_csf": 22.779544548055235,
  "rpve_gm": 36.256404958677685,
  "rpve_wm": 16.16865409897242,
  "size_x": 204,
  "size_y": 256,
  "size_z": 256,
  "snr_csf": 11.436295208785246,
  "snr_gm": 2.507581981970163,
  "snr_total": 8.7217384347851,
  "snr_wm": 12.221338113599892,
  "snrd_csf": 89.11505918908601,
  "snrd_gm": 184.73838026095262,
  "snrd_total": 112.79533902591793,
  "snrd_wm": 64.5325776277151,
  "spacing_x": 1.0,
  "spacing_y": 1.0,
  "spacing_z": 1.0,
  "summary_bg_k": 205.4588348900892,
  "summary_bg_mad": 0.0,
  "summary_bg_mean": 6.593492815635206,
  "summary_bg_median": 0.0,
  "summary_bg_n": 3116580.0,
  "summary_bg_p05": 0.0,
  "summary_bg_p95": 23.959254257380962,
  "summary_bg_stdv": 10.152026154108603,
  "summary_csf_k": 0.38517856395873684,
  "summary_csf_mad": 117.43079027760692,
  "summary_csf_mean": 1382.0900081836216,
  "summary_csf_median": 1380.9313779734075,
  "summary_csf_n": 14154.0,
  "summary_csf_p05": 1189.3171121191233,
  "summary_csf_p95": 1582.6984427846967,
  "summary_csf_stdv": 120.74562343225148,
  "summary_gm_k": -0.5970827680265973,
  "summary_gm_mad": 521.388085573115,
  "summary_gm_mean": 2283.437665282893,
  "summary_gm_median": 2862.7151049412787,
  "summary_gm_n": 68328.0,
  "summary_gm_p05": 88.02557252869013,
  "summary_gm_p95": 3268.3151355545965,
  "summary_gm_stdv": 1141.6153797231314,
  "summary_wm_k": 0.05351348287590829,
  "summary_wm_mad": 81.90874676187413,
  "summary_wm_mean": 1000.5474887775497,
  "summary_wm_median": 1000.0000242218375,
  "summary_wm_n": 157588.0,
  "summary_wm_p05": 867.1586925908923,
  "summary_wm_p95": 1135.3360287472606,
  "summary_wm_stdv": 81.82384302693607,
  "tpm_overlap_csf": 0.10202983681527951,
  "tpm_overlap_gm": 0.13116364073669515,
  "tpm_overlap_wm": 0.4600244512487441,
  "wm2max": 0.3056212970757819
}