{
  "bids_meta": {
    "AcquisitionMatrixPE": 256,
    "AcquisitionNumber": 1,
    "AcquisitionTime": "15:18:4.000000",
    "BodyPartExamined": "BRAIN",
    "CoilString": "32Ch Head",
    "ConversionSoftware": "dcm2niix",
    "ConversionSoftwareVersion": "v1.0.20211006",
    "Dcm2bidsVersion": "2.1.6",
    "DeviceSerialNumber": "000301496MR3T6MR",
    "EchoTime": 0.00294,
    "FlipAngle": 8,
    "ImageOrientationPatientDICOM": [
      0,
      1,
      0,
      0,
      0,
      -1
    ],
    "ImageType": [
      "ORIGINAL",
      "PRIMARY",
      "OTHER"
    ],
    "ImagingFrequency": 127.697,
    "InPlanePhaseEncodingDirectionDICOM": "ROW",
    "InstitutionName": "NIH FMRIF",
    "InversionTime": 1.06,
    "MRAcquisitionType": "3D",
    "MagneticFieldStrength": 3,
    "Manufacturer": "GE",
    "ManufacturersModelName": "DISCOVERY MR750",
    "Modality": "MR",
    "ParallelReductionFactorInPlane": 2,
    "ParallelReductionOutOfPlane": 2,
    "PatientPosition": "HFS",
    "PercentPhaseFOV": 100,
    "PercentSampling": 100,
    "PixelBandwidth": 244.141,
    "ProcedureStepDescription": "MRI BRAIN",
    "ProtocolName": "FMRIF - Clinical 32Ch Br",
    "ReconMatrixPE": 256,
    "RepetitionTime": 0.00668,
    "SAR": 0.0642203,
    "ScanOptions": "EDR_GEMS\\ACC_GEMS\\IR_GEMS",
    "ScanningSequence": "RM",
    "SequenceVariant": "NONE",
    "SeriesDescription": "ORIG Sag_MPRAGE_T1",
    "SeriesNumber": 40007,
    "SliceThickness": 1,
    "SoftwareVersions": "27\\LX\\MR Software release:DV26.0_R01_1725.a",
    "SpacingBetweenSlices": 1,
    "StationName": "fmrif3tb",
    "acq_id": "SagittalMPRAGE",
    "dataset": "ds004215",
    "modality": "T1w",
    "session_id": "01",
    "subject_id": "ON87538"
  },
  "cjv": 0.3645770626588529,
  "cnr": 3.7339367936636276,
  "efc": 0.4146380906286132,
  "fber": 6234.031358131488,
  "fwhm_avg": 3.51811,
  "fwhm_x": 3.44062,
  "fwhm_y": 3.69402,
  "fwhm_z": 3.41969,
  "icvs_csf": 0.21645008561740994,
  "icvs_gm": 0.44251796237259294,
  "icvs_wm": 0.3410319520099971,
  "inu_med": 0.8657335638999939,
  "inu_range": 0.4413057684898377,
  "provenance": {
    "md5sum": "29a707860a7de9e9ae4a38bbaaaeee1a",
    "settings": {
      "testing": false
    },
    "software": "mriqc",
    "version": "22.0.6",
    "warnings": {
      "large_rot_frame": true,
      "small_air_mask": false
    },
    "webapi_port": null,
    "webapi_url": "https://mriqc.nimh.nih.gov/api/v1"
  },
  "qi_1": 0.0,
  "qi_2": 0.001424352479664428,
  "rpve_csf": 33.01308383000273,
  "rpve_gm": 16.770740650967376,
  "rpve_wm": 24.724081922835033,
  "size_x": 208,
  "size_y": 256,
  "size_z": 256,
  "snr_csf": 1.0949265616254806,
  "snr_gm": 8.203254832790646,
  "snr_total": 8.759884879524117,
  "snr_wm": 16.981473244156227,
  "snrd_csf": 7.051530510824214,
  "snrd_gm": 33.53059087014535,
  "snrd_total": 31.156746955354162,
  "snrd_wm": 52.888119485092915,
  "spacing_x": 1.0,
  "spacing_y": 1.0,
  "spacing_z": 1.0,
  "summary_bg_k": 1.8902463559827343,
  "summary_bg_mad": 12.38772553480363,
  "summary_bg_mean": 13.117257363338434,
  "summary_bg_median": 8.355393901467323,
  "summary_bg_n": 3772253.0,
  "summary_bg_p05": 0.0,
  "summary_bg_p95": 37.26836586743593,
  "summary_bg_stdv": 12.955914978258816,
  "summary_csf_k": 0.8772362598001227,
  "summary_csf_mad": 91.83474746717047,
  "summary_csf_mean": 172.10765723477616,
  "summary_csf_median": 133.3347140662372,
  "summary_csf_n": 24286.0,
  "summary_csf_p05": 36.56518915295601,
  "summary_csf_p95": 425.19441391155124,
  "summary_csf_stdv": 121.77252211862404,
  "summary_gm_k": 0.05663211421106684,
  "summary_gm_mad": 76.90201891407798,
  "summary_gm_mean": 633.4703860330098,
  "summary_gm_median": 634.0172164440155,
  "summary_gm_n": 25957.0,
  "summary_gm_p05": 506.1962350860238,
  "summary_gm_p95": 760.0182110115885,
  "summary_gm_stdv": 77.28700575717404,
  "summary_wm_k": 0.40429940651122465,
  "summary_wm_mad": 56.541994767767065,
  "summary_wm_mean": 1000.3977705774427,
  "summary_wm_median": 1000.0413779988885,
  "summary_wm_n": 155312.0,
  "summary_wm_p05": 904.6575248464942,
  "summary_wm_p95": 1097.3051947791123,
  "summary_wm_stdv": 58.88995284189357,
  "tpm_overlap_csf": 0.15504542810266117,
  "tpm_overlap_gm": 0.4665319136537677,
  "tpm_overlap_wm": 0.49980667445210974,
  "wm2max": 0.4658089227985134
}