{
  "bids_meta": {
    "AcquisitionMatrixPE": 256,
    "AcquisitionNumber": 1,
    "AcquisitionTime": "15:24:26.000000",
    "BodyPartExamined": "BRAIN",
    "CoilString": "32Ch Head",
    "ConversionSoftware": "dcm2niix",
    "ConversionSoftwareVersion": "v1.0.20211006",
    "Dcm2bidsVersion": "2.1.6",
    "DeviceSerialNumber": "000301496MR3T6MR",
    "EchoTime": 0.066495,
    "EchoTrainLength": 140,
    "FlipAngle": 90,
    "ImageOrientationPatientDICOM": [
      0,
      1,
      0,
      0,
      0,
      -1
    ],
    "ImageType": [
      "ORIGINAL",
      "PRIMARY",
      "OTHER"
    ],
    "ImagingFrequency": 127.697,
    "InPlanePhaseEncodingDirectionDICOM": "ROW",
    "InstitutionName": "NIH FMRIF",
    "MRAcquisitionType": "3D",
    "MagneticFieldStrength": 3,
    "Manufacturer": "GE",
    "ManufacturersModelName": "DISCOVERY MR750",
    "Modality": "MR",
    "ParallelReductionFactorInPlane": 2,
    "ParallelReductionOutOfPlane": 1.5,
    "PatientPosition": "HFS",
    "PercentPhaseFOV": 100,
    "PercentSampling": 100,
    "PhaseEncodingAxis": "i",
    "PixelBandwidth": 244.141,
    "ProcedureStepDescription": "MRI BRAIN",
    "ProtocolName": "FMRIF - Clinical 32Ch Br",
    "ReconMatrixPE": 256,
    "RepetitionTime": 3.202,
    "SAR": 0.4493,
    "ScanOptions": "SAT_GEMS\\EDR_GEMS\\PROMO_GEMS\\ACC_GEMS\\FS\\FR_GEMS",
    "ScanningSequence": "RM",
    "SequenceVariant": "NONE",
    "SeriesDescription": "Sag_CUBE_T2",
    "SeriesNumber": 8,
    "SliceThickness": 1,
    "SoftwareVersions": "27\\LX\\MR Software release:DV26.0_R01_1725.a",
    "SpacingBetweenSlices": 1,
    "StationName": "fmrif3tb",
    "acq_id": "CUBE",
    "dataset": "ds004215",
    "modality": "T2w",
    "session_id": "01",
    "subject_id": "ON87538"
  },
  "cjv": 2.107222877699171,
  "cnr": 0.7752292096506973,
  "efc": 0.3878846591179649,
  "fber": 2582.073019395135,
  "fwhm_avg": 2.3170800000000003,
  "fwhm_x": 1.9254,
  "fwhm_y": 2.61651,
  "fwhm_z": 2.40933,
  "icvs_csf": 0.18824053076553363,
  "icvs_gm": 0.6047054835995392,
  "icvs_wm": 0.2070539856349271,
  "inu_med": 0.8508031368255615,
  "inu_range": 0.4791011273860931,
  "provenance": {
    "md5sum": "c5dc9b411b5203c4360d0946eea8ab1f",
    "settings": {
      "testing": false
    },
    "software": "mriqc",
    "version": "22.0.6",
    "warnings": {
      "large_rot_frame": true,
      "small_air_mask": false
    },
    "webapi_port": null,
    "webapi_url": "https://mriqc.nimh.nih.gov/api/v1"
  },
  "qi_1": 0.0,
  "qi_2": 0.014609304567455126,
  "rpve_csf": 31.3518179520551,
  "rpve_gm": 13.901923181774334,
  "rpve_wm": 40.012350344298085,
  "size_x": 204,
  "size_y": 256,
  "size_z": 256,
  "snr_csf": 10.018005595442796,
  "snr_gm": 9.123383888265984,
  "snr_total": 6.8933813856938535,
  "snr_wm": 1.538754673372781,
  "snrd_csf": 38.03700157354793,
  "snrd_gm": 25.754600802482347,
  "snrd_total": 38.62816908559193,
  "snrd_wm": 52.09290488074551,
  "spacing_x": 1.0,
  "spacing_y": 1.0,
  "spacing_z": 1.0,
  "summary_bg_k": 2.102430581727731,
  "summary_bg_mad": 12.585685244693975,
  "summary_bg_mean": 9.276144767733467,
  "summary_bg_median": 8.48891569674015,
  "summary_bg_n": 3576636.0,
  "summary_bg_p05": 0.0,
  "summary_bg_p95": 27.187473244965076,
  "summary_bg_stdv": 9.775417164936568,
  "summary_csf_k": 1.4091118427928855,
  "summary_csf_mad": 65.118165379219,
  "summary_csf_mean": 734.7460845792615,
  "summary_csf_median": 730.7207009969279,
  "summary_csf_n": 4766.0,
  "summary_csf_p05": 625.2616967880167,
  "summary_csf_p95": 863.2381239891984,
  "summary_csf_stdv": 72.93308336356645,
  "summary_gm_k": -0.11366683352310636,
  "summary_gm_mad": 55.53008422152139,
  "summary_gm_mean": 496.5979051697602,
  "summary_gm_median": 494.7661270275712,
  "summary_gm_n": 235085.0,
  "summary_gm_p05": 410.737333137542,
  "summary_gm_p95": 588.3736298456788,
  "summary_gm_stdv": 54.230434756727654,
  "summary_wm_k": -1.6719441863817475,
  "summary_wm_mad": 1010.6815481972154,
  "summary_wm_mean": 835.3966296556096,
  "summary_wm_median": 1000.7456528302282,
  "summary_wm_n": 44505.0,
  "summary_wm_p05": 40.092919405549765,
  "summary_wm_p95": 1720.6974759753793,
  "summary_wm_stdv": 650.3534494577098,
  "tpm_overlap_csf": 0.1061863472998215,
  "tpm_overlap_gm": 0.3807549365827228,
  "tpm_overlap_wm": 0.047234233655654156,
  "wm2max": 0.591437384963027
}