{
  "bids_meta": {
    "AcquisitionMatrixPE": 256,
    "AcquisitionNumber": 1,
    "AcquisitionTime": "14:14:7.000000",
    "BodyPartExamined": "BRAIN",
    "CoilString": "32Ch Head",
    "ConversionSoftware": "dcm2niix",
    "ConversionSoftwareVersion": "v1.0.20211006",
    "Dcm2bidsVersion": "2.1.6",
    "DeviceSerialNumber": "000301496MR3T6MR",
    "EchoTime": 0.065888,
    "EchoTrainLength": 140,
    "FlipAngle": 90,
    "ImageOrientationPatientDICOM": [
      0,
      1,
      0,
      0,
      0,
      -1
    ],
    "ImageType": [
      "ORIGINAL",
      "PRIMARY",
      "OTHER"
    ],
    "ImagingFrequency": 127.696,
    "InPlanePhaseEncodingDirectionDICOM": "ROW",
    "InstitutionName": "NIH FMRIF",
    "MRAcquisitionType": "3D",
    "MagneticFieldStrength": 3,
    "Manufacturer": "GE",
    "ManufacturersModelName": "DISCOVERY MR750",
    "Modality": "MR",
    "ParallelReductionFactorInPlane": 2,
    "ParallelReductionOutOfPlane": 1.5,
    "PatientPosition": "HFS",
    "PercentPhaseFOV": 100,
    "PercentSampling": 100,
    "PhaseEncodingAxis": "i",
    "PixelBandwidth": 244.141,
    "ProcedureStepDescription": "MRI Brain",
    "ProtocolName": "ADNI3 FMRIF Enhanced Pro",
    "ReconMatrixPE": 256,
    "RepetitionTime": 3.202,
    "SAR": 0.4591,
    "ScanOptions": "SAT_GEMS\\EDR_GEMS\\PROMO_GEMS\\FILTERED_GEMS\\ACC_GEMS\\FS\\FR_GEMS",
    "ScanningSequence": "RM",
    "SequenceVariant": "NONE",
    "SeriesDescription": "Anat T2w CUBE (ABCD)",
    "SeriesNumber": 4,
    "SliceThickness": 1,
    "SoftwareVersions": "27\\LX\\MR Software release:DV26.0_R03_1831.b",
    "SpacingBetweenSlices": 1,
    "StationName": "FMRI3tb",
    "acq_id": "CUBE",
    "dataset": "ds004215",
    "modality": "T2w",
    "rec_id": "SCIC",
    "session_id": "01",
    "subject_id": "ON34754"
  },
  "cjv": 1.2335400160890018,
  "cnr": 0.9682267506753204,
  "efc": 0.43446686608187596,
  "fber": 6818.262337719589,
  "fwhm_avg": 2.297473333333333,
  "fwhm_x": 1.89836,
  "fwhm_y": 2.63742,
  "fwhm_z": 2.35664,
  "icvs_csf": 0.3328181816731045,
  "icvs_gm": 0.4898336779669943,
  "icvs_wm": 0.17734814035990118,
  "inu_med": 0.9626860022544861,
  "inu_range": 0.17001546621322638,
  "provenance": {
    "md5sum": "b6586c603cb28ce47c5ef3d3fe659134",
    "settings": {
      "testing": false
    },
    "software": "mriqc",
    "version": "22.0.6",
    "warnings": {
      "large_rot_frame": true,
      "small_air_mask": false
    },
    "webapi_port": null,
    "webapi_url": "https://mriqc.nimh.nih.gov/api/v1"
  },
  "qi_1": 0.0,
  "qi_2": 0.012116115919411443,
  "rpve_csf": 17.712411014445372,
  "rpve_gm": 14.052497933528683,
  "rpve_wm": 39.751095438801485,
  "size_x": 204,
  "size_y": 256,
  "size_z": 256,
  "snr_csf": 12.314607509365898,
  "snr_gm": 13.117368306210297,
  "snr_total": 9.049367421378967,
  "snr_wm": 1.716126448560708,
  "snrd_csf": 92.00261162942265,
  "snrd_gm": 64.19837421669868,
  "snrd_total": 101.27408732666167,
  "snrd_wm": 147.62127613386372,
  "spacing_x": 1.0,
  "spacing_y": 1.0,
  "spacing_z": 1.0,
  "summary_bg_k": 206.84805880593154,
  "summary_bg_mad": 0.0,
  "summary_bg_mean": 2.956136854641402,
  "summary_bg_median": 0.0,
  "summary_bg_n": 3161913.0,
  "summary_bg_p05": 0.0,
  "summary_bg_p95": 10.01358138397336,
  "summary_bg_stdv": 4.440099034079151,
  "summary_csf_k": 0.49634068331739467,
  "summary_csf_mad": 48.39506208883355,
  "summary_csf_mean": 626.143841969347,
  "summary_csf_median": 623.5353539027274,
  "summary_csf_n": 25481.0,
  "summary_csf_p05": 548.6291612051427,
  "summary_csf_p95": 712.3915013559163,
  "summary_csf_stdv": 50.632804822123006,
  "summary_gm_k": 0.09287649892119054,
  "summary_gm_mad": 33.17348402704246,
  "summary_gm_mean": 435.1050713902413,
  "summary_gm_median": 435.09586606547236,
  "summary_gm_n": 179410.0,
  "summary_gm_p05": 380.42401368170977,
  "summary_gm_p95": 488.68579126521945,
  "summary_gm_stdv": 33.16935556986797,
  "summary_wm_k": -1.7458752179395989,
  "summary_wm_mad": 664.254649813094,
  "summary_wm_mean": 787.2872578354966,
  "summary_wm_median": 1000.4833887591958,
  "summary_wm_n": 37339.0,
  "summary_wm_p05": 28.496120448783042,
  "summary_wm_p95": 1459.7039290554821,
  "summary_wm_stdv": 582.9815117708802,
  "tpm_overlap_csf": 0.1074211614020146,
  "tpm_overlap_gm": 0.3024376258532546,
  "tpm_overlap_wm": 0.040178141593293276,
  "wm2max": 0.6944697441797293
}