{
  "bids_meta": {
    "AcquisitionMatrixPE": 256,
    "AcquisitionNumber": 1,
    "AcquisitionTime": "14:04:7.000000",
    "BodyPartExamined": "BRAIN",
    "CoilString": "32Ch Head",
    "ConversionSoftware": "dcm2niix",
    "ConversionSoftwareVersion": "v1.0.20211006",
    "Dcm2bidsVersion": "2.1.6",
    "DeviceSerialNumber": "000301496MR3T6MR",
    "EchoTime": 0.00292,
    "FlipAngle": 8,
    "ImageOrientationPatientDICOM": [
      0,
      1,
      0,
      0,
      0,
      -1
    ],
    "ImageType": [
      "ORIGINAL",
      "PRIMARY",
      "OTHER"
    ],
    "ImagingFrequency": 127.697,
    "InPlanePhaseEncodingDirectionDICOM": "ROW",
    "InstitutionName": "NIH FMRIF",
    "InversionTime": 1.06,
    "MRAcquisitionType": "3D",
    "MagneticFieldStrength": 3,
    "Manufacturer": "GE",
    "ManufacturersModelName": "DISCOVERY MR750",
    "Modality": "MR",
    "ParallelReductionFactorInPlane": 2,
    "ParallelReductionOutOfPlane": 2,
    "PatientPosition": "HFS",
    "PercentPhaseFOV": 100,
    "PercentSampling": 100,
    "PixelBandwidth": 244.141,
    "ProcedureStepDescription": "MRI Brain",
    "ProtocolName": "ADNI3 FMRIF Enhanced Pro",
    "ReconMatrixPE": 256,
    "RepetitionTime": 0.006952,
    "SAR": 0.124274,
    "ScanOptions": "EDR_GEMS\\PROMO_GEMS\\ACC_GEMS\\IR_GEMS",
    "ScanningSequence": "RM",
    "SequenceVariant": "NONE",
    "SeriesDescription": "ORIG Anat T1w MP-RAGE 1mm (ABCD)",
    "SeriesNumber": 40003,
    "SliceThickness": 1,
    "SoftwareVersions": "27\\LX\\MR Software release:DV26.0_R01_1725.a",
    "SpacingBetweenSlices": 1,
    "StationName": "fmrif3tb",
    "acq_id": "MPRAGE",
    "dataset": "ds004215",
    "modality": "T1w",
    "session_id": "01",
    "subject_id": "ON52992"
  },
  "cjv": 0.38242449332952316,
  "cnr": 3.5295332489248565,
  "efc": 0.4840940873972031,
  "fber": 2796.8784251040142,
  "fwhm_avg": 3.8819866666666667,
  "fwhm_x": 3.8208,
  "fwhm_y": 4.00985,
  "fwhm_z": 3.81531,
  "icvs_csf": 0.2168624521987915,
  "icvs_gm": 0.4205216232366919,
  "icvs_wm": 0.36261592456451663,
  "inu_med": 0.9022263884544373,
  "inu_range": 0.5486810863018033,
  "provenance": {
    "md5sum": "f40e0885838c5d8883f284e22e5899bc",
    "settings": {
      "testing": false
    },
    "software": "mriqc",
    "version": "22.0.6",
    "warnings": {
      "large_rot_frame": true,
      "small_air_mask": false
    },
    "webapi_port": null,
    "webapi_url": "https://mriqc.nimh.nih.gov/api/v1"
  },
  "qi_1": 0.0,
  "qi_2": 0.0012046241434841292,
  "rpve_csf": 23.4645497469202,
  "rpve_gm": 12.513306270994033,
  "rpve_wm": 17.086811282728227,
  "size_x": 208,
  "size_y": 256,
  "size_z": 256,
  "snr_csf": 1.2620408738710598,
  "snr_gm": 7.785082365951339,
  "snr_total": 8.804352816249768,
  "snr_wm": 17.365935208926903,
  "snrd_csf": 5.994803915237005,
  "snrd_gm": 33.17277206472561,
  "snrd_total": 30.292189694416862,
  "snrd_wm": 51.708993103287966,
  "spacing_x": 1.0,
  "spacing_y": 1.0,
  "spacing_z": 1.0,
  "summary_bg_k": 3.4237467623075863,
  "summary_bg_mad": 12.669680605559833,
  "summary_bg_mean": 15.02119561613275,
  "summary_bg_median": 12.376342333853245,
  "summary_bg_n": 3770096.0,
  "summary_bg_p05": 0.0,
  "summary_bg_p95": 42.30688450857997,
  "summary_bg_stdv": 14.454006492448773,
  "summary_csf_k": 3.5343619586075414,
  "summary_csf_mad": 63.1611663686037,
  "summary_csf_mean": 139.35774581021732,
  "summary_csf_median": 115.93349247425795,
  "summary_csf_n": 52905.0,
  "summary_csf_p05": 39.9494859687984,
  "summary_csf_p95": 337.73943722620606,
  "summary_csf_stdv": 91.86104760406037,
  "summary_gm_k": 0.00280809591279807,
  "summary_gm_mad": 82.35292393613891,
  "summary_gm_mean": 640.4958065646373,
  "summary_gm_median": 641.5281258393079,
  "summary_gm_n": 31086.0,
  "summary_gm_p05": 503.0204375265166,
  "summary_gm_p95": 774.857956645079,
  "summary_gm_stdv": 82.40347076609146,
  "summary_wm_k": 0.6317749101137182,
  "summary_wm_mad": 54.73551670480775,
  "summary_wm_mean": 1001.1825608136882,
  "summary_wm_median": 1000.000041294843,
  "summary_wm_n": 245730.0,
  "summary_wm_p05": 909.7032579407096,
  "summary_wm_p95": 1097.0554020697246,
  "summary_wm_stdv": 57.58388445587727,
  "tpm_overlap_csf": 0.15854522850867347,
  "tpm_overlap_gm": 0.4386131171897065,
  "tpm_overlap_wm": 0.5042425499897721,
  "wm2max": 0.5491342841951964
}