{
  "bids_meta": {
    "AcquisitionMatrixPE": 256,
    "AcquisitionNumber": 1,
    "AcquisitionTime": "14:10:44.000000",
    "BodyPartExamined": "BRAIN",
    "CoilString": "32Ch Head",
    "ConversionSoftware": "dcm2niix",
    "ConversionSoftwareVersion": "v1.0.20211006",
    "Dcm2bidsVersion": "2.1.6",
    "DeviceSerialNumber": "000301496MR3T6MR",
    "EchoTime": 0.066562,
    "EchoTrainLength": 140,
    "FlipAngle": 90,
    "ImageOrientationPatientDICOM": [
      0,
      1,
      0,
      0,
      0,
      -1
    ],
    "ImageType": [
      "ORIGINAL",
      "PRIMARY",
      "OTHER"
    ],
    "ImagingFrequency": 127.697,
    "InPlanePhaseEncodingDirectionDICOM": "ROW",
    "InstitutionName": "NIH FMRIF",
    "MRAcquisitionType": "3D",
    "MagneticFieldStrength": 3,
    "Manufacturer": "GE",
    "ManufacturersModelName": "DISCOVERY MR750",
    "Modality": "MR",
    "ParallelReductionFactorInPlane": 2,
    "ParallelReductionOutOfPlane": 1.5,
    "PatientPosition": "HFS",
    "PercentPhaseFOV": 100,
    "PercentSampling": 100,
    "PhaseEncodingAxis": "i",
    "PixelBandwidth": 244.141,
    "ProcedureStepDescription": "MRI Brain",
    "ProtocolName": "ADNI3 FMRIF Enhanced Pro",
    "ReconMatrixPE": 256,
    "RepetitionTime": 3.202,
    "SAR": 0.4509,
    "ScanOptions": "SAT_GEMS\\EDR_GEMS\\PROMO_GEMS\\FILTERED_GEMS\\ACC_GEMS\\FS\\FR_GEMS",
    "ScanningSequence": "RM",
    "SequenceVariant": "NONE",
    "SeriesDescription": "Anat T2w CUBE (ABCD)",
    "SeriesNumber": 4,
    "SliceThickness": 1,
    "SoftwareVersions": "27\\LX\\MR Software release:DV26.0_R01_1725.a",
    "SpacingBetweenSlices": 1,
    "StationName": "fmrif3tb",
    "acq_id": "CUBE",
    "dataset": "ds004215",
    "modality": "T2w",
    "rec_id": "SCIC",
    "session_id": "01",
    "subject_id": "ON52992"
  },
  "cjv": 0.6994708853350464,
  "cnr": 1.288127665698647,
  "efc": 0.48081084715987504,
  "fber": 5434.43415603156,
  "fwhm_avg": 2.51533,
  "fwhm_x": 2.13449,
  "fwhm_y": 2.77339,
  "fwhm_z": 2.63811,
  "icvs_csf": 0.3368885324405111,
  "icvs_gm": 0.19455824217973508,
  "icvs_wm": 0.46855322537975386,
  "inu_med": 0.8865264058113098,
  "inu_range": 0.18273821473121643,
  "provenance": {
    "md5sum": "589a795f477e8a7f2e06e40cf5b4e7c6",
    "settings": {
      "testing": false
    },
    "software": "mriqc",
    "version": "22.0.6",
    "warnings": {
      "large_rot_frame": true,
      "small_air_mask": false
    },
    "webapi_port": null,
    "webapi_url": "https://mriqc.nimh.nih.gov/api/v1"
  },
  "qi_1": 0.0,
  "qi_2": 0.013117140594291641,
  "rpve_csf": 14.350393760791135,
  "rpve_gm": 30.624853813934145,
  "rpve_wm": 11.812839541972982,
  "size_x": 204,
  "size_y": 256,
  "size_z": 256,
  "snr_csf": 12.285987517829254,
  "snr_gm": 2.0811732714330877,
  "snr_total": 8.418217836258309,
  "snr_wm": 10.88749271951259,
  "snrd_csf": 51.37197127247001,
  "snrd_gm": 93.63372359505709,
  "snrd_total": 60.17658904271047,
  "snrd_wm": 35.52407226060429,
  "spacing_x": 1.0,
  "spacing_y": 1.0,
  "spacing_z": 1.0,
  "summary_bg_k": 4.782355563889376,
  "summary_bg_mad": 18.442041159200897,
  "summary_bg_mean": 13.85446557857293,
  "summary_bg_median": 12.438967734575272,
  "summary_bg_n": 3182953.0,
  "summary_bg_p05": 0.0,
  "summary_bg_p95": 39.351313814520836,
  "summary_bg_stdv": 14.682140120097637,
  "summary_csf_k": 0.42651102984673006,
  "summary_csf_mad": 113.40993535284291,
  "summary_csf_mean": 1449.1066058928807,
  "summary_csf_median": 1446.1171881705523,
  "summary_csf_n": 27199.0,
  "summary_csf_p05": 1261.0381360039114,
  "summary_csf_p95": 1645.7277447000145,
  "summary_csf_stdv": 117.70243147437299,
  "summary_gm_k": -1.2876270337168219,
  "summary_gm_mad": 1053.523145659958,
  "summary_gm_mean": 2091.7533781258207,
  "summary_gm_median": 2635.7823873460293,
  "summary_gm_n": 77108.0,
  "summary_gm_p05": 73.64566411077976,
  "summary_gm_p95": 3484.8291242569685,
  "summary_gm_stdv": 1266.480466558212,
  "summary_wm_k": 0.14820215556052752,
  "summary_wm_mad": 90.6590060723334,
  "summary_wm_mean": 1000.6440213176244,
  "summary_wm_median": 1000.0000042319298,
  "summary_wm_n": 183457.0,
  "summary_wm_p05": 850.2092572599649,
  "summary_wm_p95": 1151.2439016401768,
  "summary_wm_stdv": 91.84826153791211,
  "tpm_overlap_csf": 0.10163459563296977,
  "tpm_overlap_gm": 0.11186410168250276,
  "tpm_overlap_wm": 0.43211150033735957,
  "wm2max": 0.2863086421807652
}