{
  "bids_meta": {
    "AcquisitionMatrixPE": 256,
    "AcquisitionNumber": 1,
    "AcquisitionTime": "14:10:44.000000",
    "BodyPartExamined": "BRAIN",
    "CoilString": "32Ch Head",
    "ConversionSoftware": "dcm2niix",
    "ConversionSoftwareVersion": "v1.0.20211006",
    "Dcm2bidsVersion": "2.1.6",
    "DeviceSerialNumber": "000301496MR3T6MR",
    "EchoTime": 0.066562,
    "EchoTrainLength": 140,
    "FlipAngle": 90,
    "ImageOrientationPatientDICOM": [
      0,
      1,
      0,
      0,
      0,
      -1
    ],
    "ImageType": [
      "ORIGINAL",
      "PRIMARY",
      "OTHER"
    ],
    "ImagingFrequency": 127.697,
    "InPlanePhaseEncodingDirectionDICOM": "ROW",
    "InstitutionName": "NIH FMRIF",
    "MRAcquisitionType": "3D",
    "MagneticFieldStrength": 3,
    "Manufacturer": "GE",
    "ManufacturersModelName": "DISCOVERY MR750",
    "Modality": "MR",
    "ParallelReductionFactorInPlane": 2,
    "ParallelReductionOutOfPlane": 1.5,
    "PatientPosition": "HFS",
    "PercentPhaseFOV": 100,
    "PercentSampling": 100,
    "PhaseEncodingAxis": "i",
    "PixelBandwidth": 244.141,
    "ProcedureStepDescription": "MRI Brain",
    "ProtocolName": "ADNI3 FMRIF Enhanced Pro",
    "ReconMatrixPE": 256,
    "RepetitionTime": 3.202,
    "SAR": 0.4509,
    "ScanOptions": "SAT_GEMS\\EDR_GEMS\\PROMO_GEMS\\ACC_GEMS\\FS\\FR_GEMS",
    "ScanningSequence": "RM",
    "SequenceVariant": "NONE",
    "SeriesDescription": "ORIG Anat T2w CUBE (ABCD)",
    "SeriesNumber": 40004,
    "SliceThickness": 1,
    "SoftwareVersions": "27\\LX\\MR Software release:DV26.0_R01_1725.a",
    "SpacingBetweenSlices": 1,
    "StationName": "fmrif3tb",
    "acq_id": "CUBE",
    "dataset": "ds004215",
    "modality": "T2w",
    "session_id": "01",
    "subject_id": "ON52992"
  },
  "cjv": 0.7681022220624971,
  "cnr": 1.2073042320006007,
  "efc": 0.44337987035723514,
  "fber": 3083.7325335983987,
  "fwhm_avg": 2.6343333333333327,
  "fwhm_x": 2.24795,
  "fwhm_y": 2.83695,
  "fwhm_z": 2.8181,
  "icvs_csf": 0.3397769712031106,
  "icvs_gm": 0.19526301575985677,
  "icvs_wm": 0.4649600130370326,
  "inu_med": 0.8951950073242188,
  "inu_range": 0.4725213646888733,
  "provenance": {
    "md5sum": "3dda4418d77cbea1ab05c979bb3b3503",
    "settings": {
      "testing": false
    },
    "software": "mriqc",
    "version": "22.0.6",
    "warnings": {
      "large_rot_frame": true,
      "small_air_mask": false
    },
    "webapi_port": null,
    "webapi_url": "https://mriqc.nimh.nih.gov/api/v1"
  },
  "qi_1": 0.0,
  "qi_2": 0.01818030178739747,
  "rpve_csf": 14.401263034668478,
  "rpve_gm": 30.54551725244229,
  "rpve_wm": 12.002451517313784,
  "size_x": 204,
  "size_y": 256,
  "size_z": 256,
  "snr_csf": 11.92824265795673,
  "snr_gm": 2.004620433443513,
  "snr_total": 8.253133937204163,
  "snr_wm": 10.826538720212247,
  "snrd_csf": 54.40900257113656,
  "snrd_gm": 93.63920659072177,
  "snrd_total": 61.71130286115099,
  "snrd_wm": 37.08569942159465,
  "spacing_x": 1.0,
  "spacing_y": 1.0,
  "spacing_z": 1.0,
  "summary_bg_k": 0.03539722536241907,
  "summary_bg_mad": 17.665473016463828,
  "summary_bg_mean": 18.984967534230133,
  "summary_bg_median": 11.91518048197031,
  "summary_bg_n": 3763905.0,
  "summary_bg_p05": 0.0,
  "summary_bg_p95": 56.21003221720457,
  "summary_bg_stdv": 20.19377114977206,
  "summary_csf_k": 0.5388763881744807,
  "summary_csf_mad": 116.47235598990558,
  "summary_csf_mean": 1472.072830594278,
  "summary_csf_median": 1467.1154995709658,
  "summary_csf_n": 31796.0,
  "summary_csf_p05": 1278.559451378882,
  "summary_csf_p95": 1680.780939400196,
  "summary_csf_stdv": 122.9931743260768,
  "summary_gm_k": -1.226636214569973,
  "summary_gm_mad": 1079.889367447111,
  "summary_gm_mean": 2045.082635111628,
  "summary_gm_median": 2524.9411837160587,
  "summary_gm_n": 75971.0,
  "summary_gm_p05": 71.82766991108656,
  "summary_gm_p95": 3715.3821534514427,
  "summary_gm_stdv": 1259.5524438149776,
  "summary_wm_k": 0.1579423735182499,
  "summary_wm_mad": 91.42131798350772,
  "summary_wm_mean": 1000.6724854669282,
  "summary_wm_median": 1000.0000342354178,
  "summary_wm_n": 193531.0,
  "summary_wm_p05": 850.2861280664802,
  "summary_wm_p95": 1152.7432235777378,
  "summary_wm_stdv": 92.36538809949077,
  "tpm_overlap_csf": 0.10143858977342665,
  "tpm_overlap_gm": 0.1112989498754074,
  "tpm_overlap_wm": 0.4405369027777249,
  "wm2max": 0.2690245934296787
}