{
  "aor": 0.03542222222222222,
  "aqi": 0.0007262303333333334,
  "bids_meta": {
    "AcquisitionMatrixPE": 64,
    "AcquisitionNumber": 1,
    "AcquisitionTime": "10:59:8.000000",
    "BodyPartExamined": "BRAIN",
    "CoilString": "32Ch Head",
    "ConversionSoftware": "dcm2niix",
    "ConversionSoftwareVersion": "v1.0.20211006",
    "Dcm2bidsVersion": "2.1.6",
    "DeviceSerialNumber": "000301496mr3T5mr",
    "EchoTime": 0.0169,
    "EffectiveEchoSpacing": 0.000416,
    "FlipAngle": 90,
    "ImageOrientationPatientDICOM": [
      1,
      0,
      0,
      0,
      1,
      0
    ],
    "ImageType": [
      "ORIGINAL",
      "PRIMARY",
      "OTHER"
    ],
    "ImagingFrequency": 127.824,
    "InPlanePhaseEncodingDirectionDICOM": "COL",
    "InstitutionName": "NIH FMRIF",
    "InternalPulseSequenceName": "EPI",
    "MRAcquisitionType": "2D",
    "MagneticFieldStrength": 3,
    "Manufacturer": "GE",
    "ManufacturersModelName": "DISCOVERY MR750",
    "Modality": "MR",
    "PatientPosition": "HFS",
    "PercentPhaseFOV": 100,
    "PercentSampling": 100,
    "PhaseEncodingDirection": "j",
    "PhaseEncodingPolarityGE": "Flipped",
    "PixelBandwidth": 7812.5,
    "ProcedureStepDescription": "MRI Brain",
    "ProtocolName": "ADNI3 FMRIF Enhanced Pro",
    "PulseSequenceName": "epi",
    "ReconMatrixPE": 64,
    "RepetitionTime": 3,
    "SAR": 0.18131,
    "ScanOptions": "MP_GEMS\\EPI_GEMS\\PFF",
    "ScanningSequence": "EP\\GR",
    "SequenceVariant": "SS",
    "SeriesDescription": "Axial rsfMRI reverse blip - RKV",
    "SeriesNumber": 11,
    "SliceThickness": 3.4,
    "SliceTiming": [
      0,
      1.5,
      0.0625,
      1.5625,
      0.125,
      1.625,
      0.1875,
      1.6875,
      0.25,
      1.75,
      0.3125,
      1.8125,
      0.375,
      1.875,
      0.4375,
      1.9375,
      0.5,
      2,
      0.5625,
      2.0625,
      0.625,
      2.125,
      0.6875,
      2.1875,
      0.75,
      2.25,
      0.8125,
      2.3125,
      0.875,
      2.375,
      0.9375,
      2.4375,
      1,
      2.5,
      1.0625,
      2.5625,
      1.125,
      2.625,
      1.1875,
      2.6875,
      1.25,
      2.75,
      1.3125,
      2.8125,
      1.375,
      2.875,
      1.4375,
      2.9375
    ],
    "SoftwareVersions": "27\\LX\\MR Software release:DV26.0_R03_1831.b",
    "SpacingBetweenSlices": 3.4,
    "StationName": "FMRI3ta",
    "TaskName": "Resting state with reverse blip.",
    "TotalReadoutTime": 0.026208,
    "TriggerDelayTime": 29938,
    "dataset": "ds004215",
    "modality": "bold",
    "session_id": "01",
    "subject_id": "ON23419",
    "task_id": "rest"
  },
  "dummy_trs": 1,
  "dvars_nstd": 10.85999679375,
  "dvars_std": 1.37310941625,
  "dvars_vstd": 1.40596710125,
  "efc": 0.46631095488884566,
  "fber": 4494.22265625,
  "fd_mean": 0.07620763020910302,
  "fd_num": 0,
  "fd_perc": 0.0,
  "fwhm_avg": 2.474813371761687,
  "fwhm_x": 2.4722327272727274,
  "fwhm_y": 2.304157090909091,
  "fwhm_z": 2.648050297103242,
  "gcor": 0.0180439,
  "gsr_x": -0.004545501433312893,
  "gsr_y": 0.039473794400691986,
  "provenance": {
    "md5sum": "7b75d2073135efb6b19156e3aa8dcf96",
    "settings": {
      "fd_thres": 0.2,
      "testing": false
    },
    "software": "mriqc",
    "version": "22.0.6",
    "webapi_port": null,
    "webapi_url": "https://mriqc.nimh.nih.gov/api/v1"
  },
  "size_t": 9,
  "size_x": 64,
  "size_y": 64,
  "size_z": 48,
  "snr": 5.19709807161965,
  "spacing_tr": 3.0,
  "spacing_x": 3.4375,
  "spacing_y": 3.4375,
  "spacing_z": 3.3999996185302734,
  "summary_bg_k": 19.852395057593093,
  "summary_bg_mad": 13.013954063699979,
  "summary_bg_mean": 131.43331909179688,
  "summary_bg_median": 35.55555725097656,
  "summary_bg_n": 135670.0,
  "summary_bg_p05": 24.11111068725586,
  "summary_bg_p95": 592.5555419921875,
  "summary_bg_stdv": 231.60916137695312,
  "summary_fg_k": 0.6801521323191024,
  "summary_fg_mad": 409.52778001261186,
  "summary_fg_mean": 2363.8095703125,
  "summary_fg_median": 2337.22216796875,
  "summary_fg_n": 25132.0,
  "summary_fg_p05": 1653.111083984375,
  "summary_fg_p95": 3135.733264160154,
  "summary_fg_stdv": 449.70782470703125,
  "tsnr": 212.60353978723288
}