{
  "aor": 0.03193,
  "aqi": 0.0007165007777777779,
  "bids_meta": {
    "AcquisitionMatrixPE": 64,
    "AcquisitionNumber": 1,
    "AcquisitionTime": "15:01:36.000000",
    "BodyPartExamined": "BRAIN",
    "CoilString": "32Ch Head",
    "ConversionSoftware": "dcm2niix",
    "ConversionSoftwareVersion": "v1.0.20211006",
    "Dcm2bidsVersion": "2.1.6",
    "DeviceSerialNumber": "000301496MR3T6MR",
    "EchoTime": 0.0169,
    "EffectiveEchoSpacing": 0.000416,
    "FlipAngle": 90,
    "ImageOrientationPatientDICOM": [
      1,
      0,
      0,
      0,
      1,
      0
    ],
    "ImageType": [
      "ORIGINAL",
      "PRIMARY",
      "OTHER"
    ],
    "ImagingFrequency": 127.697,
    "InPlanePhaseEncodingDirectionDICOM": "COL",
    "InstitutionName": "NIH FMRIF",
    "InternalPulseSequenceName": "EPI",
    "MRAcquisitionType": "2D",
    "MagneticFieldStrength": 3,
    "Manufacturer": "GE",
    "ManufacturersModelName": "DISCOVERY MR750",
    "Modality": "MR",
    "PatientPosition": "HFS",
    "PercentPhaseFOV": 100,
    "PercentSampling": 100,
    "PhaseEncodingDirection": "j-",
    "PhaseEncodingPolarityGE": "Unflipped",
    "PixelBandwidth": 7812.5,
    "ProcedureStepDescription": "MRI Brain",
    "ProtocolName": "ADNI3 FMRIF Enhanced Pro",
    "PulseSequenceName": "epi",
    "ReconMatrixPE": 64,
    "RepetitionTime": 3,
    "SAR": 0.150434,
    "ScanOptions": "MP_GEMS\\EPI_GEMS\\PFF",
    "ScanningSequence": "EP\\GR",
    "SequenceVariant": "SS",
    "SeriesDescription": "Axial rsfMRI reverse blip - RKV",
    "SeriesNumber": 11,
    "SliceThickness": 3.4,
    "SliceTiming": [
      0,
      1.5,
      0.0625,
      1.5625,
      0.125,
      1.625,
      0.1875,
      1.6875,
      0.25,
      1.75,
      0.3125,
      1.8125,
      0.375,
      1.875,
      0.4375,
      1.9375,
      0.5,
      2,
      0.5625,
      2.0625,
      0.625,
      2.125,
      0.6875,
      2.1875,
      0.75,
      2.25,
      0.8125,
      2.3125,
      0.875,
      2.375,
      0.9375,
      2.4375,
      1,
      2.5,
      1.0625,
      2.5625,
      1.125,
      2.625,
      1.1875,
      2.6875,
      1.25,
      2.75,
      1.3125,
      2.8125,
      1.375,
      2.875,
      1.4375,
      2.9375
    ],
    "SoftwareVersions": "27\\LX\\MR Software release:DV26.0_R03_1831.b",
    "SpacingBetweenSlices": 3.4,
    "StationName": "FMRI3tb",
    "TaskName": "Resting state with reverse blip.",
    "TotalReadoutTime": 0.026208,
    "TriggerDelayTime": 29938,
    "dataset": "ds004215",
    "modality": "bold",
    "session_id": "01",
    "subject_id": "ON63734",
    "task_id": "rest"
  },
  "dummy_trs": 1,
  "dvars_nstd": 10.21646261375,
  "dvars_std": 1.21753019125,
  "dvars_vstd": 1.30805923,
  "efc": 0.47024442640826053,
  "fber": 4611.62353515625,
  "fd_mean": 0.0718397042810999,
  "fd_num": 0,
  "fd_perc": 0.0,
  "fwhm_avg": 2.636359649144051,
  "fwhm_x": 2.511735272727273,
  "fwhm_y": 2.534106181818182,
  "fwhm_z": 2.863237492886699,
  "gcor": 0.00910804,
  "gsr_x": 0.0013236989034339786,
  "gsr_y": 0.050712887197732925,
  "provenance": {
    "md5sum": "3f6033d4766896c51a6f53d46db31e35",
    "settings": {
      "fd_thres": 0.2,
      "testing": false
    },
    "software": "mriqc",
    "version": "22.0.6",
    "webapi_port": null,
    "webapi_url": "https://mriqc.nimh.nih.gov/api/v1"
  },
  "size_t": 9,
  "size_x": 64,
  "size_y": 64,
  "size_z": 48,
  "snr": 4.589440077007117,
  "spacing_tr": 3.0,
  "spacing_x": 3.4375,
  "spacing_y": 3.4375,
  "spacing_z": 3.399993896484375,
  "summary_bg_k": 18.412538983867197,
  "summary_bg_mad": 11.037150163079405,
  "summary_bg_mean": 147.6346893310547,
  "summary_bg_median": 34.66666793823242,
  "summary_bg_n": 135244.0,
  "summary_bg_p05": 24.33333396911621,
  "summary_bg_p95": 757.0,
  "summary_bg_stdv": 283.95721435546875,
  "summary_fg_k": 1.1655086657812168,
  "summary_fg_mad": 428.30734778644415,
  "summary_fg_mean": 2404.23486328125,
  "summary_fg_median": 2332.0,
  "summary_fg_n": 25149.0,
  "summary_fg_p05": 1669.5778076171875,
  "summary_fg_p95": 3351.666748046875,
  "summary_fg_stdv": 508.1128845214844,
  "tsnr": 185.8100360352546
}