{
  "aor": 0.004397587939698494,
  "aqi": 0.0053781593969849245,
  "bids_meta": {
    "AcquisitionMatrixPE": 64,
    "AcquisitionNumber": 1,
    "AcquisitionTime": "16:02:44.000000",
    "BodyPartExamined": "BRAIN",
    "CoilString": "32Ch Head",
    "ConversionSoftware": "dcm2niix",
    "ConversionSoftwareVersion": "v1.0.20211006",
    "Dcm2bidsVersion": "2.1.6",
    "DeviceSerialNumber": "000301496MR3T6MR",
    "EchoTime": 0.0169,
    "EffectiveEchoSpacing": 0.000416,
    "FlipAngle": 90,
    "ImageOrientationPatientDICOM": [
      1,
      0,
      0,
      0,
      1,
      0
    ],
    "ImageType": [
      "ORIGINAL",
      "PRIMARY",
      "OTHER"
    ],
    "ImagingFrequency": 127.697,
    "InPlanePhaseEncodingDirectionDICOM": "COL",
    "InstitutionName": "NIH FMRIF",
    "InternalPulseSequenceName": "EPI",
    "MRAcquisitionType": "2D",
    "MagneticFieldStrength": 3,
    "Manufacturer": "GE",
    "ManufacturersModelName": "DISCOVERY MR750",
    "Modality": "MR",
    "PatientPosition": "HFS",
    "PercentPhaseFOV": 100,
    "PercentSampling": 100,
    "PhaseEncodingDirection": "j",
    "PhaseEncodingPolarityGE": "Flipped",
    "PixelBandwidth": 7812.5,
    "ProcedureStepDescription": "MRI Brain",
    "ProtocolName": "ADNI3 FMRIF Enhanced Pro",
    "PulseSequenceName": "epi",
    "ReconMatrixPE": 64,
    "RepetitionTime": 3,
    "SAR": 0.176857,
    "ScanOptions": "MP_GEMS\\EPI_GEMS\\PFF",
    "ScanningSequence": "EP\\GR",
    "SequenceVariant": "SS",
    "SeriesDescription": "Axial rsfMRI with Eyes Open - RKV",
    "SeriesNumber": 11,
    "SliceThickness": 3.4,
    "SliceTiming": [
      0,
      1.5,
      0.0625,
      1.5625,
      0.125,
      1.625,
      0.1875,
      1.6875,
      0.25,
      1.75,
      0.3125,
      1.8125,
      0.375,
      1.875,
      0.4375,
      1.9375,
      0.5,
      2,
      0.5625,
      2.0625,
      0.625,
      2.125,
      0.6875,
      2.1875,
      0.75,
      2.25,
      0.8125,
      2.3125,
      0.875,
      2.375,
      0.9375,
      2.4375,
      1,
      2.5,
      1.0625,
      2.5625,
      1.125,
      2.625,
      1.1875,
      2.6875,
      1.25,
      2.75,
      1.3125,
      2.8125,
      1.375,
      2.875,
      1.4375,
      2.9375
    ],
    "SoftwareVersions": "27\\LX\\MR Software release:DV26.0_R01_1725.a",
    "SpacingBetweenSlices": 3.4,
    "StationName": "fmrif3tb",
    "TaskName": "Resting state with eyes open.",
    "TotalReadoutTime": 0.026208,
    "TriggerDelayTime": 599938,
    "dataset": "ds004215",
    "modality": "bold",
    "session_id": "01",
    "subject_id": "ON82386",
    "task_id": "rest"
  },
  "dummy_trs": 1,
  "dvars_nstd": 14.950372271515148,
  "dvars_std": 1.2498011121717163,
  "dvars_vstd": 0.9784285965656562,
  "efc": 0.4656328277777893,
  "fber": 5129.5537109375,
  "fd_mean": 0.21891485877200756,
  "fd_num": 77,
  "fd_perc": 38.69346733668342,
  "fwhm_avg": 2.7661029326713034,
  "fwhm_x": 2.7025570909090906,
  "fwhm_y": 2.559988363636364,
  "fwhm_z": 3.0357633434684557,
  "gcor": 0.035614,
  "gsr_x": -0.01309516467154026,
  "gsr_y": 0.05341532826423645,
  "provenance": {
    "md5sum": "f0486f80c3e43cf42242c9e26838af28",
    "settings": {
      "fd_thres": 0.2,
      "testing": false
    },
    "software": "mriqc",
    "version": "22.0.6",
    "webapi_port": null,
    "webapi_url": "https://mriqc.nimh.nih.gov/api/v1"
  },
  "size_t": 199,
  "size_x": 64,
  "size_y": 64,
  "size_z": 48,
  "snr": 4.113156225119105,
  "spacing_tr": 3.0,
  "spacing_x": 3.4375,
  "spacing_y": 3.4375,
  "spacing_z": 3.4000015258789062,
  "summary_bg_k": 78.04752590284254,
  "summary_bg_mad": 10.743281101519534,
  "summary_bg_mean": 118.05973815917969,
  "summary_bg_median": 33.79899597167969,
  "summary_bg_n": 130588.0,
  "summary_bg_p05": 21.046984195709232,
  "summary_bg_p95": 542.8288848876946,
  "summary_bg_stdv": 252.99868774414062,
  "summary_fg_k": 1.1601413444471804,
  "summary_fg_mad": 543.6792102191241,
  "summary_fg_mean": 2501.374267578125,
  "summary_fg_median": 2425.24609375,
  "summary_fg_n": 29102.0,
  "summary_fg_p05": 1653.1171081542968,
  "summary_fg_p95": 3558.234582519531,
  "summary_fg_stdv": 589.6212768554688,
  "tsnr": 92.03716684714891
}