{
  "aor": 0.04781333333333334,
  "aqi": 0.002537437,
  "bids_meta": {
    "AcquisitionMatrixPE": 64,
    "AcquisitionNumber": 1,
    "AcquisitionTime": "16:13:43.000000",
    "BodyPartExamined": "BRAIN",
    "CoilString": "32Ch Head",
    "ConversionSoftware": "dcm2niix",
    "ConversionSoftwareVersion": "v1.0.20211006",
    "Dcm2bidsVersion": "2.1.6",
    "DeviceSerialNumber": "000301496MR3T6MR",
    "EchoTime": 0.0169,
    "EffectiveEchoSpacing": 0.000416,
    "FlipAngle": 90,
    "ImageOrientationPatientDICOM": [
      1,
      0,
      0,
      0,
      1,
      0
    ],
    "ImageType": [
      "ORIGINAL",
      "PRIMARY",
      "OTHER"
    ],
    "ImagingFrequency": 127.697,
    "InPlanePhaseEncodingDirectionDICOM": "COL",
    "InstitutionName": "NIH FMRIF",
    "InternalPulseSequenceName": "EPI",
    "MRAcquisitionType": "2D",
    "MagneticFieldStrength": 3,
    "Manufacturer": "GE",
    "ManufacturersModelName": "DISCOVERY MR750",
    "Modality": "MR",
    "PatientPosition": "HFS",
    "PercentPhaseFOV": 100,
    "PercentSampling": 100,
    "PhaseEncodingDirection": "j-",
    "PhaseEncodingPolarityGE": "Unflipped",
    "PixelBandwidth": 7812.5,
    "ProcedureStepDescription": "MRI Brain",
    "ProtocolName": "ADNI3 FMRIF Enhanced Pro",
    "PulseSequenceName": "epi",
    "ReconMatrixPE": 64,
    "RepetitionTime": 3,
    "SAR": 0.176857,
    "ScanOptions": "MP_GEMS\\EPI_GEMS\\PFF",
    "ScanningSequence": "EP\\GR",
    "SequenceVariant": "SS",
    "SeriesDescription": "Axial rsfMRI reverse blip - RKV",
    "SeriesNumber": 12,
    "SliceThickness": 3.4,
    "SliceTiming": [
      0,
      1.5,
      0.0625,
      1.5625,
      0.125,
      1.625,
      0.1875,
      1.6875,
      0.25,
      1.75,
      0.3125,
      1.8125,
      0.375,
      1.875,
      0.4375,
      1.9375,
      0.5,
      2,
      0.5625,
      2.0625,
      0.625,
      2.125,
      0.6875,
      2.1875,
      0.75,
      2.25,
      0.8125,
      2.3125,
      0.875,
      2.375,
      0.9375,
      2.4375,
      1,
      2.5,
      1.0625,
      2.5625,
      1.125,
      2.625,
      1.1875,
      2.6875,
      1.25,
      2.75,
      1.3125,
      2.8125,
      1.375,
      2.875,
      1.4375,
      2.9375
    ],
    "SoftwareVersions": "27\\LX\\MR Software release:DV26.0_R01_1725.a",
    "SpacingBetweenSlices": 3.4,
    "StationName": "fmrif3tb",
    "TaskName": "Resting state with reverse blip.",
    "TotalReadoutTime": 0.026208,
    "TriggerDelayTime": 29938,
    "dataset": "ds004215",
    "modality": "bold",
    "session_id": "01",
    "subject_id": "ON82386",
    "task_id": "rest"
  },
  "dummy_trs": 1,
  "dvars_nstd": 16.73588752625,
  "dvars_std": 1.38070911375,
  "dvars_vstd": 1.3299840374999998,
  "efc": 0.4663985440487403,
  "fber": 5296.49560546875,
  "fd_mean": 0.23017959337790686,
  "fd_num": 4,
  "fd_perc": 44.44444444444444,
  "fwhm_avg": 2.6066311616727136,
  "fwhm_x": 2.5632872727272726,
  "fwhm_y": 2.440922181818182,
  "fwhm_z": 2.815684030472686,
  "gcor": 0.00537256,
  "gsr_x": -0.012105612084269524,
  "gsr_y": 0.05442256107926369,
  "provenance": {
    "md5sum": "b29cd27db153605d3c02370fa9a71f06",
    "settings": {
      "fd_thres": 0.2,
      "testing": false
    },
    "software": "mriqc",
    "version": "22.0.6",
    "webapi_port": null,
    "webapi_url": "https://mriqc.nimh.nih.gov/api/v1"
  },
  "size_t": 9,
  "size_x": 64,
  "size_y": 64,
  "size_z": 48,
  "snr": 4.488739910191113,
  "spacing_tr": 3.0,
  "spacing_x": 3.4375,
  "spacing_y": 3.4375,
  "spacing_z": 3.4000015258789062,
  "summary_bg_k": 56.751688037960186,
  "summary_bg_mad": 8.895616138872926,
  "summary_bg_mean": 114.8373794555664,
  "summary_bg_median": 33.55555725097656,
  "summary_bg_n": 130531.0,
  "summary_bg_p05": 24.0,
  "summary_bg_p95": 539.1666870117188,
  "summary_bg_stdv": 241.86683654785156,
  "summary_fg_k": 2.788645087894417,
  "summary_fg_mad": 482.83388118436955,
  "summary_fg_mean": 2515.85595703125,
  "summary_fg_median": 2446.333251953125,
  "summary_fg_n": 29085.0,
  "summary_fg_p05": 1741.6888671875,
  "summary_fg_p95": 3461.288818359375,
  "summary_fg_stdv": 544.9839477539062,
  "tsnr": 119.59327375516295
}