{
  "aor": 0.042001111111111114,
  "aqi": 0.0022883944444444444,
  "bids_meta": {
    "AcquisitionMatrixPE": 64,
    "AcquisitionNumber": 1,
    "AcquisitionTime": "15:16:6.000000",
    "BodyPartExamined": "BRAIN",
    "CoilString": "32Ch Head",
    "ConversionSoftware": "dcm2niix",
    "ConversionSoftwareVersion": "v1.0.20211006",
    "Dcm2bidsVersion": "2.1.6",
    "DeviceSerialNumber": "000301496MR3T6MR",
    "EchoTime": 0.0169,
    "EffectiveEchoSpacing": 0.000416,
    "FlipAngle": 90,
    "ImageOrientationPatientDICOM": [
      1,
      0,
      0,
      0,
      1,
      0
    ],
    "ImageType": [
      "ORIGINAL",
      "PRIMARY",
      "OTHER"
    ],
    "ImagingFrequency": 127.696,
    "InPlanePhaseEncodingDirectionDICOM": "COL",
    "InstitutionName": "NIH FMRIF",
    "InternalPulseSequenceName": "EPI",
    "MRAcquisitionType": "2D",
    "MagneticFieldStrength": 3,
    "Manufacturer": "GE",
    "ManufacturersModelName": "DISCOVERY MR750",
    "Modality": "MR",
    "PatientPosition": "HFS",
    "PercentPhaseFOV": 100,
    "PercentSampling": 100,
    "PhaseEncodingDirection": "j-",
    "PhaseEncodingPolarityGE": "Unflipped",
    "PixelBandwidth": 7812.5,
    "ProcedureStepDescription": "MRI Brain",
    "ProtocolName": "ADNI3 FMRIF Enhanced Pro",
    "PulseSequenceName": "epi",
    "ReconMatrixPE": 64,
    "RepetitionTime": 3,
    "SAR": 0.269335,
    "ScanOptions": "MP_GEMS\\EPI_GEMS\\PFF",
    "ScanningSequence": "EP\\GR",
    "SequenceVariant": "SS",
    "SeriesDescription": "Axial rsfMRI reverse blip - RKV",
    "SeriesNumber": 11,
    "SliceThickness": 3.4,
    "SliceTiming": [
      0,
      1.5,
      0.0625,
      1.5625,
      0.125,
      1.625,
      0.1875,
      1.6875,
      0.25,
      1.75,
      0.3125,
      1.8125,
      0.375,
      1.875,
      0.4375,
      1.9375,
      0.5,
      2,
      0.5625,
      2.0625,
      0.625,
      2.125,
      0.6875,
      2.1875,
      0.75,
      2.25,
      0.8125,
      2.3125,
      0.875,
      2.375,
      0.9375,
      2.4375,
      1,
      2.5,
      1.0625,
      2.5625,
      1.125,
      2.625,
      1.1875,
      2.6875,
      1.25,
      2.75,
      1.3125,
      2.8125,
      1.375,
      2.875,
      1.4375,
      2.9375
    ],
    "SoftwareVersions": "27\\LX\\MR Software release:DV26.0_R03_1831.b",
    "SpacingBetweenSlices": 3.4,
    "StationName": "FMRI3tb",
    "TaskName": "Resting state with reverse blip.",
    "TotalReadoutTime": 0.026208,
    "TriggerDelayTime": 29938,
    "dataset": "ds004215",
    "modality": "bold",
    "session_id": "01",
    "subject_id": "ON12688",
    "task_id": "rest"
  },
  "dummy_trs": 1,
  "dvars_nstd": 20.18474125875,
  "dvars_std": 1.30964633125,
  "dvars_vstd": 1.31800340125,
  "efc": 0.5170460836041746,
  "fber": 3027.4267578125,
  "fd_mean": 0.28859845826258496,
  "fd_num": 5,
  "fd_perc": 55.55555555555556,
  "fwhm_avg": 2.7747052423151057,
  "fwhm_x": 2.6985076363636367,
  "fwhm_y": 2.705547636363636,
  "fwhm_z": 2.9200604542180435,
  "gcor": 0.0256338,
  "gsr_x": -0.003499179147183895,
  "gsr_y": 0.056602586060762405,
  "provenance": {
    "md5sum": "1a7176e075bf52635d45f0e6f2b3d8e8",
    "settings": {
      "fd_thres": 0.2,
      "testing": false
    },
    "software": "mriqc",
    "version": "22.0.6",
    "webapi_port": null,
    "webapi_url": "https://mriqc.nimh.nih.gov/api/v1"
  },
  "size_t": 9,
  "size_x": 64,
  "size_y": 64,
  "size_z": 48,
  "snr": 4.177750920460292,
  "spacing_tr": 3.0,
  "spacing_x": 3.4375,
  "spacing_y": 3.4375,
  "spacing_z": 3.4000015258789062,
  "summary_bg_k": 16.03793469211927,
  "summary_bg_mad": 29.15784551583638,
  "summary_bg_mean": 215.26116943359375,
  "summary_bg_median": 48.11111068725586,
  "summary_bg_n": 127675.0,
  "summary_bg_p05": 22.11111068725586,
  "summary_bg_p95": 1009.4777832031237,
  "summary_bg_stdv": 379.2807312011719,
  "summary_fg_k": 0.9969010530796147,
  "summary_fg_mad": 558.4469562915875,
  "summary_fg_mean": 2650.505615234375,
  "summary_fg_median": 2568.0,
  "summary_fg_n": 30370.0,
  "summary_fg_p05": 1760.4944458007812,
  "summary_fg_p95": 3752.0,
  "summary_fg_stdv": 614.6746826171875,
  "tsnr": 104.04183620586991
}