{
  "aor": 0.0038609045226130653,
  "aqi": 0.004001284773869347,
  "bids_meta": {
    "AcquisitionMatrixPE": 64,
    "AcquisitionNumber": 1,
    "AcquisitionTime": "15:46:11.000000",
    "BodyPartExamined": "BRAIN",
    "CoilString": "32Ch Head",
    "ConversionSoftware": "dcm2niix",
    "ConversionSoftwareVersion": "v1.0.20211006",
    "Dcm2bidsVersion": "2.1.6",
    "DeviceSerialNumber": "000301496MR3T6MR",
    "EchoTime": 0.0169,
    "EffectiveEchoSpacing": 0.000416,
    "FlipAngle": 90,
    "ImageOrientationPatientDICOM": [
      1,
      0,
      0,
      0,
      1,
      0
    ],
    "ImageType": [
      "ORIGINAL",
      "PRIMARY",
      "OTHER"
    ],
    "ImagingFrequency": 127.697,
    "InPlanePhaseEncodingDirectionDICOM": "COL",
    "InstitutionName": "NIH FMRIF",
    "InternalPulseSequenceName": "EPI",
    "MRAcquisitionType": "2D",
    "MagneticFieldStrength": 3,
    "Manufacturer": "GE",
    "ManufacturersModelName": "DISCOVERY MR750",
    "Modality": "MR",
    "PatientPosition": "HFS",
    "PercentPhaseFOV": 100,
    "PercentSampling": 100,
    "PhaseEncodingDirection": "j",
    "PhaseEncodingPolarityGE": "Flipped",
    "PixelBandwidth": 7812.5,
    "ProcedureStepDescription": "MRI Brain",
    "ProtocolName": "ADNI3 FMRIF Enhanced Pro",
    "PulseSequenceName": "epi",
    "ReconMatrixPE": 64,
    "RepetitionTime": 3,
    "SAR": 0.186291,
    "ScanOptions": "MP_GEMS\\EPI_GEMS\\PFF",
    "ScanningSequence": "EP\\GR",
    "SequenceVariant": "SS",
    "SeriesDescription": "Axial rsfMRI with Eyes Open - RKV",
    "SeriesNumber": 10,
    "SliceThickness": 3.4,
    "SliceTiming": [
      0,
      1.5,
      0.0625,
      1.5625,
      0.125,
      1.625,
      0.1875,
      1.6875,
      0.25,
      1.75,
      0.3125,
      1.8125,
      0.375,
      1.875,
      0.4375,
      1.9375,
      0.5,
      2,
      0.5625,
      2.0625,
      0.625,
      2.125,
      0.6875,
      2.1875,
      0.75,
      2.25,
      0.8125,
      2.3125,
      0.875,
      2.375,
      0.9375,
      2.4375,
      1,
      2.5,
      1.0625,
      2.5625,
      1.125,
      2.625,
      1.1875,
      2.6875,
      1.25,
      2.75,
      1.3125,
      2.8125,
      1.375,
      2.875,
      1.4375,
      2.9375
    ],
    "SoftwareVersions": "27\\LX\\MR Software release:DV26.0_R01_1725.a",
    "SpacingBetweenSlices": 3.4,
    "StationName": "fmrif3tb",
    "TaskName": "Resting state with eyes open.",
    "TotalReadoutTime": 0.026208,
    "TriggerDelayTime": 599938,
    "dataset": "ds004215",
    "modality": "bold",
    "session_id": "01",
    "subject_id": "ON49080",
    "task_id": "rest"
  },
  "dummy_trs": 1,
  "dvars_nstd": 12.558454070151504,
  "dvars_std": 1.1145178831313136,
  "dvars_vstd": 0.9511053121717176,
  "efc": 0.4700843808210987,
  "fber": 4767.810546875,
  "fd_mean": 0.1235719067205883,
  "fd_num": 28,
  "fd_perc": 14.07035175879397,
  "fwhm_avg": 2.432864823147382,
  "fwhm_x": 2.357320727272727,
  "fwhm_y": 2.3649425454545456,
  "fwhm_z": 2.576331196714874,
  "gcor": 0.0631534,
  "gsr_x": -0.007430904544889927,
  "gsr_y": 0.04877756908535957,
  "provenance": {
    "md5sum": "75bc026edd4f584f74dbc6c07af6070a",
    "settings": {
      "fd_thres": 0.2,
      "testing": false
    },
    "software": "mriqc",
    "version": "22.0.6",
    "webapi_port": null,
    "webapi_url": "https://mriqc.nimh.nih.gov/api/v1"
  },
  "size_t": 199,
  "size_x": 64,
  "size_y": 64,
  "size_z": 48,
  "snr": 4.70560230925152,
  "spacing_tr": 3.0,
  "spacing_x": 3.4375,
  "spacing_y": 3.4375,
  "spacing_z": 3.4000015258789062,
  "summary_bg_k": 24.101069465793934,
  "summary_bg_mad": 13.850038691095234,
  "summary_bg_mean": 161.26576232910156,
  "summary_bg_median": 37.09547805786133,
  "summary_bg_n": 135876.0,
  "summary_bg_p05": 24.919597625732422,
  "summary_bg_p95": 804.8706207275391,
  "summary_bg_stdv": 307.62213134765625,
  "summary_fg_k": 1.0288951371491368,
  "summary_fg_mad": 496.9700010675526,
  "summary_fg_mean": 2570.44873046875,
  "summary_fg_median": 2518.788818359375,
  "summary_fg_n": 24629.0,
  "summary_fg_p05": 1787.0934814453126,
  "summary_fg_p95": 3514.1385742187485,
  "summary_fg_stdv": 535.2636108398438,
  "tsnr": 98.70972919277847
}