{
  "aor": 0.036648888888888884,
  "aqi": 0.0024554056666666667,
  "bids_meta": {
    "AcquisitionMatrixPE": 64,
    "AcquisitionNumber": 1,
    "AcquisitionTime": "15:56:46.000000",
    "BodyPartExamined": "BRAIN",
    "CoilString": "32Ch Head",
    "ConversionSoftware": "dcm2niix",
    "ConversionSoftwareVersion": "v1.0.20211006",
    "Dcm2bidsVersion": "2.1.6",
    "DeviceSerialNumber": "000301496MR3T6MR",
    "EchoTime": 0.0169,
    "EffectiveEchoSpacing": 0.000416,
    "FlipAngle": 90,
    "ImageOrientationPatientDICOM": [
      1,
      0,
      0,
      0,
      1,
      0
    ],
    "ImageType": [
      "ORIGINAL",
      "PRIMARY",
      "OTHER"
    ],
    "ImagingFrequency": 127.697,
    "InPlanePhaseEncodingDirectionDICOM": "COL",
    "InstitutionName": "NIH FMRIF",
    "InternalPulseSequenceName": "EPI",
    "MRAcquisitionType": "2D",
    "MagneticFieldStrength": 3,
    "Manufacturer": "GE",
    "ManufacturersModelName": "DISCOVERY MR750",
    "Modality": "MR",
    "PatientPosition": "HFS",
    "PercentPhaseFOV": 100,
    "PercentSampling": 100,
    "PhaseEncodingDirection": "j",
    "PhaseEncodingPolarityGE": "Flipped",
    "PixelBandwidth": 7812.5,
    "ProcedureStepDescription": "MRI Brain",
    "ProtocolName": "ADNI3 FMRIF Enhanced Pro",
    "PulseSequenceName": "epi",
    "ReconMatrixPE": 64,
    "RepetitionTime": 3,
    "SAR": 0.186505,
    "ScanOptions": "MP_GEMS\\EPI_GEMS\\PFF",
    "ScanningSequence": "EP\\GR",
    "SequenceVariant": "SS",
    "SeriesDescription": "Axial rsfMRI reverse blip - RKV",
    "SeriesNumber": 11,
    "SliceThickness": 3.4,
    "SliceTiming": [
      0,
      1.5,
      0.0625,
      1.5625,
      0.125,
      1.625,
      0.1875,
      1.6875,
      0.25,
      1.75,
      0.3125,
      1.8125,
      0.375,
      1.875,
      0.4375,
      1.9375,
      0.5,
      2,
      0.5625,
      2.0625,
      0.625,
      2.125,
      0.6875,
      2.1875,
      0.75,
      2.25,
      0.8125,
      2.3125,
      0.875,
      2.375,
      0.9375,
      2.4375,
      1,
      2.5,
      1.0625,
      2.5625,
      1.125,
      2.625,
      1.1875,
      2.6875,
      1.25,
      2.75,
      1.3125,
      2.8125,
      1.375,
      2.875,
      1.4375,
      2.9375
    ],
    "SoftwareVersions": "27\\LX\\MR Software release:DV26.0_R01_1725.a",
    "SpacingBetweenSlices": 3.4,
    "StationName": "fmrif3tb",
    "TaskName": "Resting state with reverse blip.",
    "TotalReadoutTime": 0.026208,
    "TriggerDelayTime": 29938,
    "dataset": "ds004215",
    "modality": "bold",
    "session_id": "01",
    "subject_id": "ON49080",
    "task_id": "rest"
  },
  "dummy_trs": 1,
  "dvars_nstd": 9.86520409625,
  "dvars_std": 1.35470400875,
  "dvars_vstd": 1.42209298875,
  "efc": 0.46689941491254217,
  "fber": 4987.328125,
  "fd_mean": 0.09070502491916885,
  "fd_num": 0,
  "fd_perc": 0.0,
  "fwhm_avg": 2.4280135016232856,
  "fwhm_x": 2.346990545454546,
  "fwhm_y": 2.368165818181818,
  "fwhm_z": 2.5688841412334926,
  "gcor": 0.0102157,
  "gsr_x": -0.007248350884765387,
  "gsr_y": 0.04633789137005806,
  "provenance": {
    "md5sum": "c6bd2db50a2deef0fabadcf477ccf3fe",
    "settings": {
      "fd_thres": 0.2,
      "testing": false
    },
    "software": "mriqc",
    "version": "22.0.6",
    "webapi_port": null,
    "webapi_url": "https://mriqc.nimh.nih.gov/api/v1"
  },
  "size_t": 9,
  "size_x": 64,
  "size_y": 64,
  "size_z": 48,
  "snr": 4.662057729052265,
  "spacing_tr": 3.0,
  "spacing_x": 3.4375,
  "spacing_y": 3.4375,
  "spacing_z": 3.4000015258789062,
  "summary_bg_k": 25.082825105058703,
  "summary_bg_mad": 12.684485333010226,
  "summary_bg_mean": 158.69496154785156,
  "summary_bg_median": 36.0,
  "summary_bg_n": 136187.0,
  "summary_bg_p05": 25.11111068725586,
  "summary_bg_p95": 803.0778015136716,
  "summary_bg_stdv": 306.3568115234375,
  "summary_fg_k": 1.126571743306668,
  "summary_fg_mad": 498.4837321412319,
  "summary_fg_mean": 2571.478515625,
  "summary_fg_median": 2519.5556640625,
  "summary_fg_n": 24459.0,
  "summary_fg_p05": 1780.54443359375,
  "summary_fg_p95": 3512.033325195312,
  "summary_fg_stdv": 540.427490234375,
  "tsnr": 216.05452615767717
}