{
  "bids_meta": {
    "AcquisitionMatrixPE": 256,
    "AcquisitionNumber": 1,
    "AcquisitionTime": "09:12:36.000000",
    "BodyPartExamined": "BRAIN",
    "CoilString": "32Ch Head",
    "ConversionSoftware": "dcm2niix",
    "ConversionSoftwareVersion": "v1.0.20211006",
    "Dcm2bidsVersion": "2.1.6",
    "DeviceSerialNumber": "000301496MR3T5MR",
    "EchoTime": 0.066697,
    "EchoTrainLength": 140,
    "FlipAngle": 90,
    "ImageOrientationPatientDICOM": [
      0,
      1,
      0,
      0,
      0,
      -1
    ],
    "ImageType": [
      "ORIGINAL",
      "PRIMARY",
      "OTHER"
    ],
    "ImagingFrequency": 127.824,
    "InPlanePhaseEncodingDirectionDICOM": "ROW",
    "InstitutionName": "NIH FMRIF",
    "MRAcquisitionType": "3D",
    "MagneticFieldStrength": 3,
    "Manufacturer": "GE",
    "ManufacturersModelName": "DISCOVERY MR750",
    "Modality": "MR",
    "ParallelReductionFactorInPlane": 2,
    "ParallelReductionOutOfPlane": 1.5,
    "PatientPosition": "HFS",
    "PercentPhaseFOV": 100,
    "PercentSampling": 100,
    "PhaseEncodingAxis": "i",
    "PixelBandwidth": 244.141,
    "ProcedureStepDescription": "MRI Brain",
    "ProtocolName": "ADNI3 FMRIF Enhanced Pro",
    "ReconMatrixPE": 256,
    "RepetitionTime": 3.202,
    "SAR": 0.4213,
    "ScanOptions": "SAT_GEMS\\EDR_GEMS\\PROMO_GEMS\\FILTERED_GEMS\\ACC_GEMS\\FS\\FR_GEMS",
    "ScanningSequence": "RM",
    "SequenceVariant": "NONE",
    "SeriesDescription": "Anat T2w CUBE (ABCD)",
    "SeriesNumber": 4,
    "SliceThickness": 1,
    "SoftwareVersions": "27\\LX\\MR Software release:DV26.0_R03_1831.b",
    "SpacingBetweenSlices": 1,
    "StationName": "FMRI3ta",
    "acq_id": "CUBE",
    "dataset": "ds004215",
    "modality": "T2w",
    "rec_id": "SCIC",
    "session_id": "01",
    "subject_id": "ON08155"
  },
  "cjv": 0.36659670564237357,
  "cnr": 1.5201049957628632,
  "efc": 0.46132794158182217,
  "fber": 5610.375371802499,
  "fwhm_avg": 2.473806666666667,
  "fwhm_x": 2.04497,
  "fwhm_y": 2.86815,
  "fwhm_z": 2.5083,
  "icvs_csf": 0.3289219199724165,
  "icvs_gm": 0.19344145897420395,
  "icvs_wm": 0.47763662105337956,
  "inu_med": 0.8328180313110352,
  "inu_range": 0.1678933262825012,
  "provenance": {
    "md5sum": "3336aedd43e65c8d9095be5a2f6051fc",
    "settings": {
      "testing": false
    },
    "software": "mriqc",
    "version": "22.0.6",
    "warnings": {
      "large_rot_frame": true,
      "small_air_mask": false
    },
    "webapi_port": null,
    "webapi_url": "https://mriqc.nimh.nih.gov/api/v1"
  },
  "qi_1": 0.0,
  "qi_2": 0.009291426653057409,
  "rpve_csf": 15.922682433386132,
  "rpve_gm": 32.84459406174835,
  "rpve_wm": 12.836007926639727,
  "size_x": 204,
  "size_y": 256,
  "size_z": 256,
  "snr_csf": 11.492086954808668,
  "snr_gm": 2.238885353114329,
  "snr_total": 8.351842413777792,
  "snr_wm": 11.324554933410376,
  "snrd_csf": 55.414310876191074,
  "snrd_gm": 119.66185866012155,
  "snrd_total": 71.10925099131816,
  "snrd_wm": 38.251583437641884,
  "spacing_x": 1.0,
  "spacing_y": 1.0,
  "spacing_z": 1.0,
  "summary_bg_k": 14.426992526854,
  "summary_bg_mad": 17.12802941842537,
  "summary_bg_mean": 11.200875844463077,
  "summary_bg_median": 11.552680283784866,
  "summary_bg_n": 3448855.0,
  "summary_bg_p05": 0.0,
  "summary_bg_p95": 35.87107228115201,
  "summary_bg_stdv": 13.156328901891507,
  "summary_csf_k": 0.45216644340326706,
  "summary_csf_mad": 123.66437240103117,
  "summary_csf_mean": 1452.2550647942417,
  "summary_csf_median": 1448.7638709880412,
  "summary_csf_n": 20214.0,
  "summary_csf_p05": 1253.520686022006,
  "summary_csf_p95": 1663.5310856336725,
  "summary_csf_stdv": 126.06309372584131,
  "summary_gm_k": -1.2396944343516239,
  "summary_gm_mad": 691.2016271805558,
  "summary_gm_mean": 2344.8646869404483,
  "summary_gm_median": 3128.465820848942,
  "summary_gm_n": 72567.0,
  "summary_gm_p05": 64.63724618777633,
  "summary_gm_p95": 3645.043919738382,
  "summary_gm_stdv": 1397.3222258643364,
  "summary_wm_k": 0.025849109720041508,
  "summary_wm_mad": 89.06575297581192,
  "summary_wm_mean": 998.9064971258784,
  "summary_wm_median": 1000.057768765837,
  "summary_wm_n": 185458.0,
  "summary_wm_p05": 853.3387291617692,
  "summary_wm_p95": 1141.6358656436205,
  "summary_wm_stdv": 88.30855415145923,
  "tpm_overlap_csf": 0.10636669455092986,
  "tpm_overlap_gm": 0.11444497703077712,
  "tpm_overlap_wm": 0.4301907641045659,
  "wm2max": 0.27634477254588985
}