{
  "bids_meta": {
    "AcquisitionMatrixPE": 256,
    "AcquisitionNumber": 1,
    "AcquisitionTime": "09:05:31.000000",
    "BodyPartExamined": "BRAIN",
    "CoilString": "32Ch Head",
    "ConversionSoftware": "dcm2niix",
    "ConversionSoftwareVersion": "v1.0.20211006",
    "Dcm2bidsVersion": "2.1.6",
    "DeviceSerialNumber": "000301496MR3T5MR",
    "EchoTime": 0.00292,
    "FlipAngle": 8,
    "ImageOrientationPatientDICOM": [
      0,
      1,
      0,
      0,
      0,
      -1
    ],
    "ImageType": [
      "ORIGINAL",
      "PRIMARY",
      "OTHER"
    ],
    "ImagingFrequency": 127.824,
    "InPlanePhaseEncodingDirectionDICOM": "ROW",
    "InstitutionName": "NIH FMRIF",
    "InversionTime": 1.06,
    "MRAcquisitionType": "3D",
    "MagneticFieldStrength": 3,
    "Manufacturer": "GE",
    "ManufacturersModelName": "DISCOVERY MR750",
    "Modality": "MR",
    "ParallelReductionFactorInPlane": 2,
    "ParallelReductionOutOfPlane": 2,
    "PatientPosition": "HFS",
    "PercentPhaseFOV": 100,
    "PercentSampling": 100,
    "PixelBandwidth": 244.141,
    "ProcedureStepDescription": "MRI Brain",
    "ProtocolName": "ADNI3 FMRIF Enhanced Pro",
    "ReconMatrixPE": 256,
    "RepetitionTime": 0.006952,
    "SAR": 0.118874,
    "ScanOptions": "EDR_GEMS\\PROMO_GEMS\\FILTERED_GEMS\\ACC_GEMS\\IR_GEMS",
    "ScanningSequence": "RM",
    "SequenceVariant": "NONE",
    "SeriesDescription": "Anat T1w MP-RAGE 1mm (ABCD)",
    "SeriesNumber": 3,
    "SliceThickness": 1,
    "SoftwareVersions": "27\\LX\\MR Software release:DV26.0_R03_1831.b",
    "SpacingBetweenSlices": 1,
    "StationName": "FMRI3ta",
    "acq_id": "MPRAGE",
    "dataset": "ds004215",
    "modality": "T1w",
    "rec_id": "SCIC",
    "session_id": "01",
    "subject_id": "ON08155"
  },
  "cjv": 0.3564137146005211,
  "cnr": 3.718994586633822,
  "efc": 0.6989283380280463,
  "fber": 17636.935274736956,
  "fwhm_avg": 3.4252833333333332,
  "fwhm_x": 3.33975,
  "fwhm_y": 3.65911,
  "fwhm_z": 3.27699,
  "icvs_csf": 0.2136013232663267,
  "icvs_gm": 0.4358344757242411,
  "icvs_wm": 0.3505642010094322,
  "inu_med": 0.50089430809021,
  "inu_range": 0.07364341318607331,
  "provenance": {
    "md5sum": "5c51ff0286356590725d15337b770681",
    "settings": {
      "testing": false
    },
    "software": "mriqc",
    "version": "22.0.6",
    "warnings": {
      "large_rot_frame": true,
      "small_air_mask": false
    },
    "webapi_port": null,
    "webapi_url": "https://mriqc.nimh.nih.gov/api/v1"
  },
  "qi_1": 0.0,
  "qi_2": 0.0026081465685331246,
  "rpve_csf": 25.543151145061216,
  "rpve_gm": 13.327180686437774,
  "rpve_wm": 19.397789849680013,
  "size_x": 208,
  "size_y": 256,
  "size_z": 256,
  "snr_csf": 2.0114223635543285,
  "snr_gm": 7.956159075295406,
  "snr_total": 9.991124918750323,
  "snr_wm": 20.005793317401235,
  "snrd_csf": 11.655296080743412,
  "snrd_gm": 47.05528370949346,
  "snrd_total": 43.90881995531843,
  "snrd_wm": 73.01588007571841,
  "spacing_x": 1.0,
  "spacing_y": 1.0,
  "spacing_z": 1.0,
  "summary_bg_k": 9.117249570814378,
  "summary_bg_mad": 0.0,
  "summary_bg_mean": 5.119244143442141,
  "summary_bg_median": 0.0,
  "summary_bg_n": 865067.0,
  "summary_bg_p05": 0.0,
  "summary_bg_p95": 25.223253898322582,
  "summary_bg_stdv": 8.97229646703198,
  "summary_csf_k": 6.1441893177618425,
  "summary_csf_mad": 55.24584435601532,
  "summary_csf_mean": 175.86334951611656,
  "summary_csf_median": 159.62289967015386,
  "summary_csf_n": 49042.0,
  "summary_csf_p05": 85.66951324045658,
  "summary_csf_p95": 338.97043363880357,
  "summary_csf_stdv": 79.35741152326646,
  "summary_gm_k": 0.024255819477066787,
  "summary_gm_mad": 78.99639426607798,
  "summary_gm_mean": 645.3271864241248,
  "summary_gm_median": 644.4367245994508,
  "summary_gm_n": 36303.0,
  "summary_gm_p05": 511.7061915855855,
  "summary_gm_p95": 781.572620794177,
  "summary_gm_stdv": 80.99735596463437,
  "summary_wm_k": 0.43371281328897426,
  "summary_wm_mad": 47.722378235436466,
  "summary_wm_mean": 999.9889559901436,
  "summary_wm_median": 999.9751545488834,
  "summary_wm_n": 228107.0,
  "summary_wm_p05": 918.1363919004798,
  "summary_wm_p95": 1081.9805797230447,
  "summary_wm_stdv": 49.98416942443261,
  "tpm_overlap_csf": 0.1647711067820364,
  "tpm_overlap_gm": 0.44888394820110444,
  "tpm_overlap_wm": 0.49749730146539445,
  "wm2max": 0.6806607756605308
}