{
  "bids_meta": {
    "AcquisitionMatrixPE": 256,
    "AcquisitionNumber": 1,
    "AcquisitionTime": "09:05:31.000000",
    "BodyPartExamined": "BRAIN",
    "CoilString": "32Ch Head",
    "ConversionSoftware": "dcm2niix",
    "ConversionSoftwareVersion": "v1.0.20211006",
    "Dcm2bidsVersion": "2.1.6",
    "DeviceSerialNumber": "000301496MR3T5MR",
    "EchoTime": 0.00292,
    "FlipAngle": 8,
    "ImageOrientationPatientDICOM": [
      0,
      1,
      0,
      0,
      0,
      -1
    ],
    "ImageType": [
      "ORIGINAL",
      "PRIMARY",
      "OTHER"
    ],
    "ImagingFrequency": 127.824,
    "InPlanePhaseEncodingDirectionDICOM": "ROW",
    "InstitutionName": "NIH FMRIF",
    "InversionTime": 1.06,
    "MRAcquisitionType": "3D",
    "MagneticFieldStrength": 3,
    "Manufacturer": "GE",
    "ManufacturersModelName": "DISCOVERY MR750",
    "Modality": "MR",
    "ParallelReductionFactorInPlane": 2,
    "ParallelReductionOutOfPlane": 2,
    "PatientPosition": "HFS",
    "PercentPhaseFOV": 100,
    "PercentSampling": 100,
    "PixelBandwidth": 244.141,
    "ProcedureStepDescription": "MRI Brain",
    "ProtocolName": "ADNI3 FMRIF Enhanced Pro",
    "ReconMatrixPE": 256,
    "RepetitionTime": 0.006952,
    "SAR": 0.118874,
    "ScanOptions": "EDR_GEMS\\PROMO_GEMS\\ACC_GEMS\\IR_GEMS",
    "ScanningSequence": "RM",
    "SequenceVariant": "NONE",
    "SeriesDescription": "ORIG Anat T1w MP-RAGE 1mm (ABCD)",
    "SeriesNumber": 40003,
    "SliceThickness": 1,
    "SoftwareVersions": "27\\LX\\MR Software release:DV26.0_R03_1831.b",
    "SpacingBetweenSlices": 1,
    "StationName": "FMRI3ta",
    "acq_id": "MPRAGE",
    "dataset": "ds004215",
    "modality": "T1w",
    "session_id": "01",
    "subject_id": "ON08155"
  },
  "cjv": 0.37432959689935924,
  "cnr": 3.5260648208526906,
  "efc": 0.4661615950077313,
  "fber": 4979.212600347974,
  "fwhm_avg": 3.9170300000000005,
  "fwhm_x": 3.86473,
  "fwhm_y": 4.06214,
  "fwhm_z": 3.82422,
  "icvs_csf": 0.2023886802445058,
  "icvs_gm": 0.4381949547366232,
  "icvs_wm": 0.35941636501887103,
  "inu_med": 0.8994425237178802,
  "inu_range": 0.7179384827613828,
  "provenance": {
    "md5sum": "2c7c957f3144f303e214d41bfa5ff3ba",
    "settings": {
      "testing": false
    },
    "software": "mriqc",
    "version": "22.0.6",
    "warnings": {
      "large_rot_frame": true,
      "small_air_mask": false
    },
    "webapi_port": null,
    "webapi_url": "https://mriqc.nimh.nih.gov/api/v1"
  },
  "qi_1": 0.0,
  "qi_2": 0.0016394721720437494,
  "rpve_csf": 27.007314353646105,
  "rpve_gm": 13.383676748074816,
  "rpve_wm": 18.977903778721306,
  "size_x": 208,
  "size_y": 256,
  "size_z": 256,
  "snr_csf": 1.379016359325405,
  "snr_gm": 7.519754343899645,
  "snr_total": 8.825962297464255,
  "snr_wm": 17.579116189167713,
  "snrd_csf": 5.5717864034259215,
  "snrd_gm": 31.942538460479145,
  "snrd_total": 29.20743638368347,
  "snrd_wm": 50.107984287145335,
  "spacing_x": 1.0,
  "spacing_y": 1.0,
  "spacing_z": 1.0,
  "summary_bg_k": 1.891218946037423,
  "summary_bg_mad": 13.074491420443183,
  "summary_bg_mean": 12.289590936413736,
  "summary_bg_median": 8.818610452115536,
  "summary_bg_n": 4541547.0,
  "summary_bg_p05": 0.0,
  "summary_bg_p95": 35.37580514699221,
  "summary_bg_stdv": 12.177200830726811,
  "summary_csf_k": 11.996342191021615,
  "summary_csf_mad": 55.00303287220925,
  "summary_csf_mean": 127.74713564124364,
  "summary_csf_median": 111.1955823674798,
  "summary_csf_n": 44782.0,
  "summary_csf_p05": 39.93715538084507,
  "summary_csf_p95": 289.79271669052514,
  "summary_csf_stdv": 80.63308320286605,
  "summary_gm_k": 0.09666115223524274,
  "summary_gm_mad": 82.57969006360378,
  "summary_gm_mean": 639.5120927262615,
  "summary_gm_median": 637.4740360155702,
  "summary_gm_n": 35421.0,
  "summary_gm_p05": 503.2689758017659,
  "summary_gm_p95": 783.3865618295968,
  "summary_gm_stdv": 84.77205614259792,
  "summary_wm_k": 1.279212538378367,
  "summary_wm_mad": 53.12451398996167,
  "summary_wm_mean": 1001.6945793880129,
  "summary_wm_median": 1000.0000162683427,
  "summary_wm_n": 230141.0,
  "summary_wm_p05": 912.726181793958,
  "summary_wm_p95": 1095.3322361558676,
  "summary_wm_stdv": 56.885558575521074,
  "tpm_overlap_csf": 0.16048855196745712,
  "tpm_overlap_gm": 0.44132954974573185,
  "tpm_overlap_wm": 0.49080404999173527,
  "wm2max": 0.48363242141744944
}