{
  "bids_meta": {
    "AcquisitionMatrixPE": 256,
    "AcquisitionNumber": 1,
    "AcquisitionTime": "10:21:10.000000",
    "BodyPartExamined": "BRAIN",
    "CoilString": "32Ch Head",
    "ConversionSoftware": "dcm2niix",
    "ConversionSoftwareVersion": "v1.0.20211006",
    "Dcm2bidsVersion": "2.1.6",
    "DeviceSerialNumber": "000301496mr3T5mr",
    "EchoTime": 0.00292,
    "FlipAngle": 8,
    "ImageOrientationPatientDICOM": [
      0,
      1,
      0,
      0,
      0,
      -1
    ],
    "ImageType": [
      "ORIGINAL",
      "PRIMARY",
      "OTHER"
    ],
    "ImagingFrequency": 127.824,
    "InPlanePhaseEncodingDirectionDICOM": "ROW",
    "InstitutionName": "NIH FMRIF",
    "InversionTime": 1.06,
    "MRAcquisitionType": "3D",
    "MagneticFieldStrength": 3,
    "Manufacturer": "GE",
    "ManufacturersModelName": "DISCOVERY MR750",
    "Modality": "MR",
    "ParallelReductionFactorInPlane": 2,
    "ParallelReductionOutOfPlane": 2,
    "PatientPosition": "HFS",
    "PercentPhaseFOV": 100,
    "PercentSampling": 100,
    "PixelBandwidth": 244.141,
    "ProcedureStepDescription": "MRI Brain",
    "ProtocolName": "ADNI3 FMRIF Enhanced Pro",
    "ReconMatrixPE": 256,
    "RepetitionTime": 0.006952,
    "SAR": 0.127463,
    "ScanOptions": "EDR_GEMS\\PROMO_GEMS\\ACC_GEMS\\IR_GEMS",
    "ScanningSequence": "RM",
    "SequenceVariant": "NONE",
    "SeriesDescription": "ORIG Anat T1w MP-RAGE 1mm (ABCD)",
    "SeriesNumber": 40003,
    "SliceThickness": 1,
    "SoftwareVersions": "27\\LX\\MR Software release:DV26.0_R03_1831.b",
    "SpacingBetweenSlices": 1,
    "StationName": "FMRI3ta",
    "acq_id": "MPRAGE",
    "dataset": "ds004215",
    "modality": "T1w",
    "session_id": "01",
    "subject_id": "ON71932"
  },
  "cjv": 0.3965262924137105,
  "cnr": 3.3817422648015465,
  "efc": 0.45799265786068805,
  "fber": 2971.1386534144613,
  "fwhm_avg": 3.4520199999999996,
  "fwhm_x": 3.40975,
  "fwhm_y": 3.52039,
  "fwhm_z": 3.42592,
  "icvs_csf": 0.21936779803167297,
  "icvs_gm": 0.4296022129113335,
  "icvs_wm": 0.3510299890569935,
  "inu_med": 0.9131467938423157,
  "inu_range": 0.5015299916267395,
  "provenance": {
    "md5sum": "3000b3d3bf53cd70c2921d38a672b08f",
    "settings": {
      "testing": false
    },
    "software": "mriqc",
    "version": "22.0.6",
    "warnings": {
      "large_rot_frame": true,
      "small_air_mask": false
    },
    "webapi_port": null,
    "webapi_url": "https://mriqc.nimh.nih.gov/api/v1"
  },
  "qi_1": 0.0,
  "qi_2": 0.0016262762105419778,
  "rpve_csf": 32.007086556552,
  "rpve_gm": 16.884481494365346,
  "rpve_wm": 23.848460555300637,
  "size_x": 208,
  "size_y": 256,
  "size_z": 256,
  "snr_csf": 1.1771001137671415,
  "snr_gm": 7.3818080249702565,
  "snr_total": 8.382815212367603,
  "snr_wm": 16.589537498365413,
  "snrd_csf": 5.7695832046662945,
  "snrd_gm": 31.289987939666872,
  "snrd_total": 28.649291942404943,
  "snrd_wm": 48.88830468288167,
  "spacing_x": 1.0,
  "spacing_y": 1.0,
  "spacing_z": 1.0,
  "summary_bg_k": 1.4541977647309343,
  "summary_bg_mad": 13.401136520438694,
  "summary_bg_mean": 14.497068102824878,
  "summary_bg_median": 12.257335841655731,
  "summary_bg_n": 4082591.0,
  "summary_bg_p05": 0.0,
  "summary_bg_p95": 40.16160598397255,
  "summary_bg_stdv": 13.412180209045516,
  "summary_csf_k": 2.576120368819762,
  "summary_csf_mad": 71.24429964558979,
  "summary_csf_mean": 144.62872371233414,
  "summary_csf_median": 118.01965543627739,
  "summary_csf_n": 22790.0,
  "summary_csf_p05": 33.17697885632515,
  "summary_csf_p95": 362.93012752830975,
  "summary_csf_stdv": 100.26085694969983,
  "summary_gm_k": 0.07112514649237811,
  "summary_gm_mad": 85.02615027172277,
  "summary_gm_mean": 640.337594827436,
  "summary_gm_median": 640.052056491375,
  "summary_gm_n": 19787.0,
  "summary_gm_p05": 499.03448908627036,
  "summary_gm_p95": 786.0341872960329,
  "summary_gm_stdv": 86.70448765021715,
  "summary_wm_k": 0.6077916495706006,
  "summary_wm_mad": 57.71625842325301,
  "summary_wm_mean": 1001.6289626159577,
  "summary_wm_median": 1000.0342605113983,
  "summary_wm_n": 165478.0,
  "summary_wm_p05": 905.9129861295223,
  "summary_wm_p95": 1101.8249293863773,
  "summary_wm_stdv": 60.280838989764206,
  "tpm_overlap_csf": 0.15752881745151906,
  "tpm_overlap_gm": 0.4546744076969468,
  "tpm_overlap_wm": 0.5023744999510398,
  "wm2max": 0.546799830497293
}