{
  "bids_meta": {
    "AcquisitionMatrixPE": 256,
    "AcquisitionNumber": 1,
    "AcquisitionTime": "10:27:42.000000",
    "BodyPartExamined": "BRAIN",
    "CoilString": "32Ch Head",
    "ConversionSoftware": "dcm2niix",
    "ConversionSoftwareVersion": "v1.0.20211006",
    "Dcm2bidsVersion": "2.1.6",
    "DeviceSerialNumber": "000301496mr3T5mr",
    "EchoTime": 0.067099,
    "EchoTrainLength": 140,
    "FlipAngle": 90,
    "ImageOrientationPatientDICOM": [
      0,
      1,
      0,
      0,
      0,
      -1
    ],
    "ImageType": [
      "ORIGINAL",
      "PRIMARY",
      "OTHER"
    ],
    "ImagingFrequency": 127.824,
    "InPlanePhaseEncodingDirectionDICOM": "ROW",
    "InstitutionName": "NIH FMRIF",
    "MRAcquisitionType": "3D",
    "MagneticFieldStrength": 3,
    "Manufacturer": "GE",
    "ManufacturersModelName": "DISCOVERY MR750",
    "Modality": "MR",
    "ParallelReductionFactorInPlane": 2,
    "ParallelReductionOutOfPlane": 1.5,
    "PatientPosition": "HFS",
    "PercentPhaseFOV": 100,
    "PercentSampling": 100,
    "PhaseEncodingAxis": "i",
    "PixelBandwidth": 244.141,
    "ProcedureStepDescription": "MRI Brain",
    "ProtocolName": "ADNI3 FMRIF Enhanced Pro",
    "ReconMatrixPE": 256,
    "RepetitionTime": 3.202,
    "SAR": 0.4073,
    "ScanOptions": "SAT_GEMS\\EDR_GEMS\\PROMO_GEMS\\FILTERED_GEMS\\ACC_GEMS\\FS\\FR_GEMS",
    "ScanningSequence": "RM",
    "SequenceVariant": "NONE",
    "SeriesDescription": "Anat T2w CUBE (ABCD)",
    "SeriesNumber": 4,
    "SliceThickness": 1,
    "SoftwareVersions": "27\\LX\\MR Software release:DV26.0_R03_1831.b",
    "SpacingBetweenSlices": 1,
    "StationName": "FMRI3ta",
    "acq_id": "CUBE",
    "dataset": "ds004215",
    "modality": "T2w",
    "rec_id": "SCIC",
    "session_id": "01",
    "subject_id": "ON71932"
  },
  "cjv": 0.2170441076657577,
  "cnr": 4.75641634608505,
  "efc": 0.4475427460802546,
  "fber": 6932.583278348573,
  "fwhm_avg": 2.238186666666667,
  "fwhm_x": 1.83202,
  "fwhm_y": 2.52721,
  "fwhm_z": 2.35533,
  "icvs_csf": 0.23864523583718297,
  "icvs_gm": 0.6852292702622059,
  "icvs_wm": 0.07612549390061109,
  "inu_med": 0.7321680188179016,
  "inu_range": 0.12844191789627069,
  "provenance": {
    "md5sum": "10c548b1825c054139049c390b825920",
    "settings": {
      "testing": false
    },
    "software": "mriqc",
    "version": "22.0.6",
    "warnings": {
      "large_rot_frame": true,
      "small_air_mask": false
    },
    "webapi_port": null,
    "webapi_url": "https://mriqc.nimh.nih.gov/api/v1"
  },
  "qi_1": 0.0,
  "qi_2": 0.005538835279782876,
  "rpve_csf": 25.511983797421653,
  "rpve_gm": 12.454897818340587,
  "rpve_wm": 100.59271116601758,
  "size_x": 204,
  "size_y": 256,
  "size_z": 256,
  "snr_csf": 6.956952127447562,
  "snr_gm": 8.76119394730226,
  "snr_total": 5.511013829641576,
  "snr_wm": 0.8148954141749052,
  "snrd_csf": 128.90162773169888,
  "snrd_gm": 50.00345615206556,
  "snrd_total": 61.60803460422912,
  "snrd_wm": 5.919019928922926,
  "spacing_x": 1.0,
  "spacing_y": 1.0,
  "spacing_z": 1.0,
  "summary_bg_k": 379.12555836545675,
  "summary_bg_mad": 110.84876490889525,
  "summary_bg_mean": 74.45056999390326,
  "summary_bg_median": 74.76635575294495,
  "summary_bg_n": 3179514.0,
  "summary_bg_p05": 0.0,
  "summary_bg_p95": 229.9065439403057,
  "summary_bg_stdv": 128.16776143446745,
  "summary_csf_k": 6.505898216998027,
  "summary_csf_mad": 1010.9407359691247,
  "summary_csf_mean": 20478.466522129034,
  "summary_csf_median": 21810.09363669157,
  "summary_csf_n": 23219.0,
  "summary_csf_p05": 13750.280486524105,
  "summary_csf_p95": 22902.093645641206,
  "summary_csf_stdv": 3134.9394924111125,
  "summary_gm_k": 0.17811492279542174,
  "summary_gm_mad": 949.4196714446879,
  "summary_gm_mean": 8558.542990273041,
  "summary_gm_median": 8460.56081700325,
  "summary_gm_n": 321890.0,
  "summary_gm_p05": 7147.663609981537,
  "summary_gm_p95": 10311.775785446167,
  "summary_gm_stdv": 965.6843263459436,
  "summary_wm_k": 19.44047326228943,
  "summary_wm_mad": 669.5265400497274,
  "summary_wm_mean": 1387.5623356101185,
  "summary_wm_median": 1001.4953353106976,
  "summary_wm_n": 16035.0,
  "summary_wm_p05": 311.4018717110157,
  "summary_wm_p95": 3984.0374158293007,
  "summary_wm_stdv": 1228.9480207969214,
  "tpm_overlap_csf": 0.14831998931313448,
  "tpm_overlap_gm": 0.4243021154295173,
  "tpm_overlap_wm": 0.0178002873411474,
  "wm2max": 0.0439425253419939
}