{
  "bids_meta": {
    "AcquisitionMatrixPE": 256,
    "AcquisitionNumber": 1,
    "AcquisitionTime": "10:21:10.000000",
    "BodyPartExamined": "BRAIN",
    "CoilString": "32Ch Head",
    "ConversionSoftware": "dcm2niix",
    "ConversionSoftwareVersion": "v1.0.20211006",
    "Dcm2bidsVersion": "2.1.6",
    "DeviceSerialNumber": "000301496mr3T5mr",
    "EchoTime": 0.00292,
    "FlipAngle": 8,
    "ImageOrientationPatientDICOM": [
      0,
      1,
      0,
      0,
      0,
      -1
    ],
    "ImageType": [
      "ORIGINAL",
      "PRIMARY",
      "OTHER"
    ],
    "ImagingFrequency": 127.824,
    "InPlanePhaseEncodingDirectionDICOM": "ROW",
    "InstitutionName": "NIH FMRIF",
    "InversionTime": 1.06,
    "MRAcquisitionType": "3D",
    "MagneticFieldStrength": 3,
    "Manufacturer": "GE",
    "ManufacturersModelName": "DISCOVERY MR750",
    "Modality": "MR",
    "ParallelReductionFactorInPlane": 2,
    "ParallelReductionOutOfPlane": 2,
    "PatientPosition": "HFS",
    "PercentPhaseFOV": 100,
    "PercentSampling": 100,
    "PixelBandwidth": 244.141,
    "ProcedureStepDescription": "MRI Brain",
    "ProtocolName": "ADNI3 FMRIF Enhanced Pro",
    "ReconMatrixPE": 256,
    "RepetitionTime": 0.006952,
    "SAR": 0.127463,
    "ScanOptions": "EDR_GEMS\\PROMO_GEMS\\FILTERED_GEMS\\ACC_GEMS\\IR_GEMS",
    "ScanningSequence": "RM",
    "SequenceVariant": "NONE",
    "SeriesDescription": "Anat T1w MP-RAGE 1mm (ABCD)",
    "SeriesNumber": 3,
    "SliceThickness": 1,
    "SoftwareVersions": "27\\LX\\MR Software release:DV26.0_R03_1831.b",
    "SpacingBetweenSlices": 1,
    "StationName": "FMRI3ta",
    "acq_id": "MPRAGE",
    "dataset": "ds004215",
    "modality": "T1w",
    "rec_id": "SCIC",
    "session_id": "01",
    "subject_id": "ON71932"
  },
  "cjv": 0.37673829269833126,
  "cnr": 3.552266633794009,
  "efc": 0.6763586957387703,
  "fber": 5902.534975141634,
  "fwhm_avg": 3.25827,
  "fwhm_x": 3.20136,
  "fwhm_y": 3.3793,
  "fwhm_z": 3.19415,
  "icvs_csf": 0.22740892220974668,
  "icvs_gm": 0.42590398286355885,
  "icvs_wm": 0.3466870949266945,
  "inu_med": 0.5804567933082581,
  "inu_range": 0.1003288388252257,
  "provenance": {
    "md5sum": "f55de672e9e3a977b6bc152389b6711c",
    "settings": {
      "testing": false
    },
    "software": "mriqc",
    "version": "22.0.6",
    "warnings": {
      "large_rot_frame": true,
      "small_air_mask": false
    },
    "webapi_port": null,
    "webapi_url": "https://mriqc.nimh.nih.gov/api/v1"
  },
  "qi_1": 0.0,
  "qi_2": 0.0019238922268468611,
  "rpve_csf": 30.94722906361775,
  "rpve_gm": 16.921940526115137,
  "rpve_wm": 24.052065252658135,
  "size_x": 208,
  "size_y": 256,
  "size_z": 256,
  "snr_csf": 1.8343299698870612,
  "snr_gm": 8.075560669149557,
  "snr_total": 9.415974748594223,
  "snr_wm": 18.338033606746052,
  "snrd_csf": 16.493904642309406,
  "snrd_gm": 63.14573709534889,
  "snrd_total": 58.88641441310159,
  "snrd_wm": 97.01960150164646,
  "spacing_x": 1.0,
  "spacing_y": 1.0,
  "spacing_z": 1.0,
  "summary_bg_k": 137.99612219549874,
  "summary_bg_mad": 6.752778290194709,
  "summary_bg_mean": 9.945471503176345,
  "summary_bg_median": 4.5546797420829535,
  "summary_bg_n": 1158853.0,
  "summary_bg_p05": 0.0,
  "summary_bg_p95": 39.387360049411654,
  "summary_bg_stdv": 13.837742732545513,
  "summary_csf_k": 2.045707538919168,
  "summary_csf_mad": 72.04129792492698,
  "summary_csf_mean": 190.45328206442545,
  "summary_csf_median": 170.00991120189428,
  "summary_csf_n": 27831.0,
  "summary_csf_p05": 80.98126183915883,
  "summary_csf_p95": 387.25397527311,
  "summary_csf_stdv": 92.68062978800498,
  "summary_gm_k": 0.013107240614619098,
  "summary_gm_mad": 79.58131720750191,
  "summary_gm_mean": 651.104340824384,
  "summary_gm_median": 650.8708149567246,
  "summary_gm_n": 21028.0,
  "summary_gm_p05": 517.535515429359,
  "summary_gm_p95": 784.5376857295632,
  "summary_gm_stdv": 80.59568433062776,
  "summary_wm_k": 0.5163358153489859,
  "summary_wm_mad": 51.95790549709401,
  "summary_wm_mean": 1000.4797241038948,
  "summary_wm_median": 1000.0235962215811,
  "summary_wm_n": 165165.0,
  "summary_wm_p05": 912.0687185078859,
  "summary_wm_p95": 1090.5980047713965,
  "summary_wm_stdv": 54.53259549605866,
  "tpm_overlap_csf": 0.15869756592941725,
  "tpm_overlap_gm": 0.4556697090343697,
  "tpm_overlap_wm": 0.5013154838620697,
  "wm2max": 0.7242970686266131
}