{
  "bids_meta": {
    "AcquisitionMatrixPE": 256,
    "AcquisitionNumber": 1,
    "AcquisitionTime": "10:27:42.000000",
    "BodyPartExamined": "BRAIN",
    "CoilString": "32Ch Head",
    "ConversionSoftware": "dcm2niix",
    "ConversionSoftwareVersion": "v1.0.20211006",
    "Dcm2bidsVersion": "2.1.6",
    "DeviceSerialNumber": "000301496mr3T5mr",
    "EchoTime": 0.067099,
    "EchoTrainLength": 140,
    "FlipAngle": 90,
    "ImageOrientationPatientDICOM": [
      0,
      1,
      0,
      0,
      0,
      -1
    ],
    "ImageType": [
      "ORIGINAL",
      "PRIMARY",
      "OTHER"
    ],
    "ImagingFrequency": 127.824,
    "InPlanePhaseEncodingDirectionDICOM": "ROW",
    "InstitutionName": "NIH FMRIF",
    "MRAcquisitionType": "3D",
    "MagneticFieldStrength": 3,
    "Manufacturer": "GE",
    "ManufacturersModelName": "DISCOVERY MR750",
    "Modality": "MR",
    "ParallelReductionFactorInPlane": 2,
    "ParallelReductionOutOfPlane": 1.5,
    "PatientPosition": "HFS",
    "PercentPhaseFOV": 100,
    "PercentSampling": 100,
    "PhaseEncodingAxis": "i",
    "PixelBandwidth": 244.141,
    "ProcedureStepDescription": "MRI Brain",
    "ProtocolName": "ADNI3 FMRIF Enhanced Pro",
    "ReconMatrixPE": 256,
    "RepetitionTime": 3.202,
    "SAR": 0.4073,
    "ScanOptions": "SAT_GEMS\\EDR_GEMS\\PROMO_GEMS\\ACC_GEMS\\FS\\FR_GEMS",
    "ScanningSequence": "RM",
    "SequenceVariant": "NONE",
    "SeriesDescription": "ORIG Anat T2w CUBE (ABCD)",
    "SeriesNumber": 40004,
    "SliceThickness": 1,
    "SoftwareVersions": "27\\LX\\MR Software release:DV26.0_R03_1831.b",
    "SpacingBetweenSlices": 1,
    "StationName": "FMRI3ta",
    "acq_id": "CUBE",
    "dataset": "ds004215",
    "modality": "T2w",
    "session_id": "01",
    "subject_id": "ON71932"
  },
  "cjv": 0.34558337776592946,
  "cnr": 0.7129032939440964,
  "efc": 0.4064949444645757,
  "fber": 7343.321410123967,
  "fwhm_avg": 2.327593333333333,
  "fwhm_x": 1.91375,
  "fwhm_y": 2.57162,
  "fwhm_z": 2.49741,
  "icvs_csf": 0.21113586531201273,
  "icvs_gm": 0.666747347956063,
  "icvs_wm": 0.12211678673192426,
  "inu_med": 0.8401341140270233,
  "inu_range": 0.31675319373607635,
  "provenance": {
    "md5sum": "4af9f93253e78e6708a3776efcc8e946",
    "settings": {
      "testing": false
    },
    "software": "mriqc",
    "version": "22.0.6",
    "warnings": {
      "large_rot_frame": true,
      "small_air_mask": false
    },
    "webapi_port": null,
    "webapi_url": "https://mriqc.nimh.nih.gov/api/v1"
  },
  "qi_1": 0.0003203096438358002,
  "qi_2": 0.010267769554607542,
  "rpve_csf": 26.658806197530716,
  "rpve_gm": 12.520370118409167,
  "rpve_wm": 65.00832554335125,
  "size_x": 204,
  "size_y": 256,
  "size_z": 256,
  "snr_csf": 7.469851673380618,
  "snr_gm": 9.01720491821056,
  "snr_total": 5.5477565397225055,
  "snr_wm": 0.1562130275763389,
  "snrd_csf": 113.0513967575292,
  "snrd_gm": 46.71668491955442,
  "snrd_total": 56.044159444452674,
  "snrd_wm": 8.364396656274392,
  "spacing_x": 1.0,
  "spacing_y": 1.0,
  "spacing_z": 1.0,
  "summary_bg_k": 144.4929732701204,
  "summary_bg_mad": 78.49616934145442,
  "summary_bg_mean": 61.71636526359054,
  "summary_bg_median": 52.94486165046692,
  "summary_bg_n": 3923688.0,
  "summary_bg_p05": 0.0,
  "summary_bg_p95": 160.71428418159485,
  "summary_bg_stdv": 74.42809033231914,
  "summary_csf_k": 2.716598183986844,
  "summary_csf_mad": 561.0850447602186,
  "summary_csf_mean": 12618.314569715694,
  "summary_csf_median": 13545.425935983658,
  "summary_csf_n": 5829.0,
  "summary_csf_p05": 8947.117709159851,
  "summary_csf_p95": 14030.889590501785,
  "summary_csf_stdv": 1813.1904860679408,
  "summary_gm_k": 0.23330227418532434,
  "summary_gm_mad": 609.3903797395751,
  "summary_gm_mean": 5644.45575068617,
  "summary_gm_median": 5597.431024312973,
  "summary_gm_n": 306146.0,
  "summary_gm_p05": 4708.959854841232,
  "summary_gm_p95": 6744.047554731369,
  "summary_gm_stdv": 620.7491049952688,
  "summary_wm_k": -0.25141493043232055,
  "summary_wm_mad": 978.647507706772,
  "summary_wm_mean": 4597.1952382812415,
  "summary_wm_median": 1002.1929728984833,
  "summary_wm_n": 23595.0,
  "summary_wm_p05": 206.1403489112854,
  "summary_wm_p95": 17872.14895236492,
  "summary_wm_stdv": 6415.417144273033,
  "tpm_overlap_csf": 0.12390455643910542,
  "tpm_overlap_gm": 0.41902188475525975,
  "tpm_overlap_wm": 0.026511398009145804,
  "wm2max": 0.05771937713917626
}