{
  "aor": 0.03504555555555556,
  "aqi": 0.0013926307777777777,
  "bids_meta": {
    "AcquisitionMatrixPE": 64,
    "AcquisitionNumber": 1,
    "AcquisitionTime": "16:00:54.000000",
    "BodyPartExamined": "BRAIN",
    "CoilString": "32Ch Head",
    "ConversionSoftware": "dcm2niix",
    "ConversionSoftwareVersion": "v1.0.20211006",
    "Dcm2bidsVersion": "2.1.6",
    "DeviceSerialNumber": "000301496MR3T6MR",
    "EchoTime": 0.0169,
    "EffectiveEchoSpacing": 0.000416,
    "FlipAngle": 90,
    "ImageOrientationPatientDICOM": [
      1,
      0,
      0,
      0,
      1,
      0
    ],
    "ImageType": [
      "ORIGINAL",
      "PRIMARY",
      "OTHER"
    ],
    "ImagingFrequency": 127.697,
    "InPlanePhaseEncodingDirectionDICOM": "COL",
    "InstitutionName": "NIH FMRIF",
    "InternalPulseSequenceName": "EPI",
    "MRAcquisitionType": "2D",
    "MagneticFieldStrength": 3,
    "Manufacturer": "GE",
    "ManufacturersModelName": "DISCOVERY MR750",
    "Modality": "MR",
    "PatientPosition": "HFS",
    "PercentPhaseFOV": 100,
    "PercentSampling": 100,
    "PhaseEncodingDirection": "j-",
    "PhaseEncodingPolarityGE": "Unflipped",
    "PixelBandwidth": 7812.5,
    "ProcedureStepDescription": "MRI Brain",
    "ProtocolName": "ADNI3 FMRIF Enhanced Pro",
    "PulseSequenceName": "epi",
    "ReconMatrixPE": 64,
    "RepetitionTime": 3,
    "SAR": 0.184915,
    "ScanOptions": "MP_GEMS\\EPI_GEMS\\PFF",
    "ScanningSequence": "EP\\GR",
    "SequenceVariant": "SS",
    "SeriesDescription": "Axial rsfMRI reverse blip - RKV",
    "SeriesNumber": 11,
    "SliceThickness": 3.4,
    "SliceTiming": [
      0,
      1.5,
      0.0625,
      1.5625,
      0.125,
      1.625,
      0.1875,
      1.6875,
      0.25,
      1.75,
      0.3125,
      1.8125,
      0.375,
      1.875,
      0.4375,
      1.9375,
      0.5,
      2,
      0.5625,
      2.0625,
      0.625,
      2.125,
      0.6875,
      2.1875,
      0.75,
      2.25,
      0.8125,
      2.3125,
      0.875,
      2.375,
      0.9375,
      2.4375,
      1,
      2.5,
      1.0625,
      2.5625,
      1.125,
      2.625,
      1.1875,
      2.6875,
      1.25,
      2.75,
      1.3125,
      2.8125,
      1.375,
      2.875,
      1.4375,
      2.9375
    ],
    "SoftwareVersions": "27\\LX\\MR Software release:DV26.0_R03_1831.b",
    "SpacingBetweenSlices": 3.4,
    "StationName": "FMRI3tb",
    "TaskName": "Resting state with reverse blip.",
    "TotalReadoutTime": 0.026208,
    "TriggerDelayTime": 29938,
    "dataset": "ds004215",
    "modality": "bold",
    "session_id": "01",
    "subject_id": "ON51005",
    "task_id": "rest"
  },
  "dummy_trs": 1,
  "dvars_nstd": 13.49980557,
  "dvars_std": 1.3205789337499998,
  "dvars_vstd": 1.3573785274999999,
  "efc": 0.4837803621233652,
  "fber": 4033.463623046875,
  "fd_mean": 0.09770691140763664,
  "fd_num": 0,
  "fd_perc": 0.0,
  "fwhm_avg": 2.582494286092492,
  "fwhm_x": 2.3926487272727273,
  "fwhm_y": 2.554676363636364,
  "fwhm_z": 2.800157767368385,
  "gcor": 0.0283701,
  "gsr_x": -0.004418116994202137,
  "gsr_y": 0.0684577077627182,
  "provenance": {
    "md5sum": "9438f98b2e2bf94ee427964fa4aa80ef",
    "settings": {
      "fd_thres": 0.2,
      "testing": false
    },
    "software": "mriqc",
    "version": "22.0.6",
    "webapi_port": null,
    "webapi_url": "https://mriqc.nimh.nih.gov/api/v1"
  },
  "size_t": 9,
  "size_x": 64,
  "size_y": 64,
  "size_z": 48,
  "snr": 4.385600572343689,
  "spacing_tr": 3.0,
  "spacing_x": 3.4375,
  "spacing_y": 3.4375,
  "spacing_z": 3.3999977111816406,
  "summary_bg_k": 40.49163186685234,
  "summary_bg_mad": 12.849218284435445,
  "summary_bg_mean": 148.0111846923828,
  "summary_bg_median": 36.22222137451172,
  "summary_bg_n": 131869.0,
  "summary_bg_p05": 23.88888931274414,
  "summary_bg_p95": 684.7333374023427,
  "summary_bg_stdv": 276.5513000488281,
  "summary_fg_k": 2.3735385106780296,
  "summary_fg_mad": 459.8537277792488,
  "summary_fg_mean": 2325.630615234375,
  "summary_fg_median": 2264.16650390625,
  "summary_fg_n": 27758.0,
  "summary_fg_p05": 1600.5388793945312,
  "summary_fg_p95": 3213.527893066405,
  "summary_fg_stdv": 516.2635498046875,
  "tsnr": 161.31001221388578
}