{
  "bids_meta": {
    "AcquisitionMatrixPE": 256,
    "AcquisitionNumber": 1,
    "AcquisitionTime": "09:10:30.000000",
    "BodyPartExamined": "BRAIN",
    "CoilString": "32Ch Head",
    "ConversionSoftware": "dcm2niix",
    "ConversionSoftwareVersion": "v1.0.20211006",
    "Dcm2bidsVersion": "2.1.6",
    "DeviceSerialNumber": "000301496mr3T5mr",
    "EchoTime": 0.065618,
    "EchoTrainLength": 140,
    "FlipAngle": 90,
    "ImageOrientationPatientDICOM": [
      0,
      1,
      0,
      0,
      0,
      -1
    ],
    "ImageType": [
      "ORIGINAL",
      "PRIMARY",
      "OTHER"
    ],
    "ImagingFrequency": 127.824,
    "InPlanePhaseEncodingDirectionDICOM": "ROW",
    "InstitutionName": "NIH FMRIF",
    "MRAcquisitionType": "3D",
    "MagneticFieldStrength": 3,
    "Manufacturer": "GE",
    "ManufacturersModelName": "DISCOVERY MR750",
    "Modality": "MR",
    "ParallelReductionFactorInPlane": 2,
    "ParallelReductionOutOfPlane": 1.5,
    "PatientPosition": "HFS",
    "PercentPhaseFOV": 100,
    "PercentSampling": 100,
    "PhaseEncodingAxis": "i",
    "PixelBandwidth": 244.141,
    "ProcedureStepDescription": "MR BRAIN",
    "ProtocolName": "ADNI3 FMRIF Enhanced Pro",
    "ReconMatrixPE": 256,
    "RepetitionTime": 3.231,
    "SAR": 0.4476,
    "ScanOptions": "SAT_GEMS\\EDR_GEMS\\PROMO_GEMS\\ACC_GEMS\\FS\\FR_GEMS",
    "ScanningSequence": "RM",
    "SequenceVariant": "NONE",
    "SeriesDescription": "ORIG Anat T2w CUBE (ABCD)",
    "SeriesNumber": 40004,
    "SliceThickness": 1,
    "SoftwareVersions": "27\\LX\\MR Software release:DV26.0_R03_1831.b",
    "SpacingBetweenSlices": 1,
    "StationName": "FMRI3ta",
    "acq_id": "CUBE",
    "dataset": "ds004215",
    "modality": "T2w",
    "session_id": "01",
    "subject_id": "ON98098"
  },
  "cjv": 2.9539066268050966,
  "cnr": 0.2908515651022771,
  "efc": 0.3786718646753449,
  "fber": 9064.097808641976,
  "fwhm_avg": 2.263453333333333,
  "fwhm_x": 1.92085,
  "fwhm_y": 2.53103,
  "fwhm_z": 2.33848,
  "icvs_csf": 0.28674194567625194,
  "icvs_gm": 0.5269391087631741,
  "icvs_wm": 0.186318945560574,
  "inu_med": 0.8801732063293457,
  "inu_range": 0.434406042098999,
  "provenance": {
    "md5sum": "26492717ad87d04a6d52f991f5da9561",
    "settings": {
      "testing": false
    },
    "software": "mriqc",
    "version": "22.0.6",
    "warnings": {
      "large_rot_frame": true,
      "small_air_mask": false
    },
    "webapi_port": null,
    "webapi_url": "https://mriqc.nimh.nih.gov/api/v1"
  },
  "qi_1": 0.0,
  "qi_2": 0.027754124927323334,
  "rpve_csf": 21.671863389212422,
  "rpve_gm": 14.610331451777546,
  "rpve_wm": 42.966678259077504,
  "size_x": 204,
  "size_y": 256,
  "size_z": 256,
  "snr_csf": 11.506831535602394,
  "snr_gm": 11.613582477654973,
  "snr_total": 7.896628522765957,
  "snr_wm": 0.5694715550405045,
  "snrd_csf": 89.1806535546984,
  "snrd_gm": 61.792846570928084,
  "snrd_total": 63.94586111969469,
  "snrd_wm": 40.8640832334576,
  "spacing_x": 1.0,
  "spacing_y": 1.0,
  "spacing_z": 1.0,
  "summary_bg_k": 5.7670902113389815,
  "summary_bg_mad": 0.0,
  "summary_bg_mean": 12.487182761223151,
  "summary_bg_median": 0.0,
  "summary_bg_n": 4773967.0,
  "summary_bg_p05": 0.0,
  "summary_bg_p95": 41.58480727672577,
  "summary_bg_stdv": 16.14101169093003,
  "summary_csf_k": 0.6986770287232389,
  "summary_csf_mad": 179.2569991217253,
  "summary_csf_mean": 2206.2326676529246,
  "summary_csf_median": 2197.200417548418,
  "summary_csf_n": 16549.0,
  "summary_csf_p05": 1910.363479167223,
  "summary_csf_p95": 2527.5049399137497,
  "summary_csf_stdv": 190.9417049392901,
  "summary_gm_k": -0.007739961917238247,
  "summary_gm_mad": 133.01670347827417,
  "summary_gm_mean": 1522.4798630720359,
  "summary_gm_median": 1522.4296175837517,
  "summary_gm_n": 179145.0,
  "summary_gm_p05": 1308.5298116505146,
  "summary_gm_p95": 1736.231191688775,
  "summary_gm_stdv": 131.0900724520094,
  "summary_wm_k": -1.6405753179391858,
  "summary_wm_mad": 1390.1216438322556,
  "summary_wm_mean": 1903.5221124540103,
  "summary_wm_median": 1006.7943793237209,
  "summary_wm_n": 35051.0,
  "summary_wm_p05": 69.49901846051216,
  "summary_wm_p95": 4558.407058283687,
  "summary_wm_stdv": 1767.9197643156986,
  "tpm_overlap_csf": 0.10573486970861065,
  "tpm_overlap_gm": 0.33049583495144147,
  "tpm_overlap_wm": 0.03481635856014746,
  "wm2max": 0.22363444614153757
}