{
  "bids_meta": {
    "AcquisitionMatrixPE": 256,
    "AcquisitionNumber": 1,
    "AcquisitionTime": "09:03:55.000000",
    "BodyPartExamined": "BRAIN",
    "CoilString": "32Ch Head",
    "ConversionSoftware": "dcm2niix",
    "ConversionSoftwareVersion": "v1.0.20211006",
    "Dcm2bidsVersion": "2.1.6",
    "DeviceSerialNumber": "000301496mr3T5mr",
    "EchoTime": 0.00292,
    "FlipAngle": 8,
    "ImageOrientationPatientDICOM": [
      0,
      1,
      0,
      0,
      0,
      -1
    ],
    "ImageType": [
      "ORIGINAL",
      "PRIMARY",
      "OTHER"
    ],
    "ImagingFrequency": 127.824,
    "InPlanePhaseEncodingDirectionDICOM": "ROW",
    "InstitutionName": "NIH FMRIF",
    "InversionTime": 1.06,
    "MRAcquisitionType": "3D",
    "MagneticFieldStrength": 3,
    "Manufacturer": "GE",
    "ManufacturersModelName": "DISCOVERY MR750",
    "Modality": "MR",
    "ParallelReductionFactorInPlane": 2,
    "ParallelReductionOutOfPlane": 2,
    "PatientPosition": "HFS",
    "PercentPhaseFOV": 100,
    "PercentSampling": 100,
    "PixelBandwidth": 244.141,
    "ProcedureStepDescription": "MR BRAIN",
    "ProtocolName": "ADNI3 FMRIF Enhanced Pro",
    "ReconMatrixPE": 256,
    "RepetitionTime": 0.006952,
    "SAR": 0.0948888,
    "ScanOptions": "EDR_GEMS\\PROMO_GEMS\\FILTERED_GEMS\\ACC_GEMS\\IR_GEMS",
    "ScanningSequence": "RM",
    "SequenceVariant": "NONE",
    "SeriesDescription": "Anat T1w MP-RAGE 1mm (ABCD)",
    "SeriesNumber": 3,
    "SliceThickness": 1,
    "SoftwareVersions": "27\\LX\\MR Software release:DV26.0_R03_1831.b",
    "SpacingBetweenSlices": 1,
    "StationName": "FMRI3ta",
    "acq_id": "MPRAGE",
    "dataset": "ds004215",
    "modality": "T1w",
    "rec_id": "SCIC",
    "session_id": "01",
    "subject_id": "ON98098"
  },
  "cjv": 0.36580972493308006,
  "cnr": 3.637863066304231,
  "efc": 0.661876911717285,
  "fber": 15869.438178168402,
  "fwhm_avg": 3.2833433333333333,
  "fwhm_x": 3.27236,
  "fwhm_y": 3.44168,
  "fwhm_z": 3.13599,
  "icvs_csf": 0.22288714227612483,
  "icvs_gm": 0.42468976485399307,
  "icvs_wm": 0.35242309286988216,
  "inu_med": 0.45476245880126953,
  "inu_range": 0.07698405534029007,
  "provenance": {
    "md5sum": "fbd86a5e08f95c761412c1193c53aedc",
    "settings": {
      "testing": false
    },
    "software": "mriqc",
    "version": "22.0.6",
    "warnings": {
      "large_rot_frame": true,
      "small_air_mask": false
    },
    "webapi_port": null,
    "webapi_url": "https://mriqc.nimh.nih.gov/api/v1"
  },
  "qi_1": 0.0,
  "qi_2": 0.0028360633288599902,
  "rpve_csf": 29.69116003453762,
  "rpve_gm": 16.223828765194707,
  "rpve_wm": 23.275461286902093,
  "size_x": 208,
  "size_y": 256,
  "size_z": 256,
  "snr_csf": 1.540550972769848,
  "snr_gm": 8.077496611530472,
  "snr_total": 10.04239989220747,
  "snr_wm": 20.50915209232209,
  "snrd_csf": 19.898115792594403,
  "snrd_gm": 64.5229211024195,
  "snrd_total": 61.02847631686047,
  "snrd_wm": 98.66439205556752,
  "spacing_x": 1.0,
  "spacing_y": 1.0,
  "spacing_z": 1.0,
  "summary_bg_k": 5.6127843767954815,
  "summary_bg_mad": 6.639958859851109,
  "summary_bg_mean": 6.926942788680578,
  "summary_bg_median": 4.4785841926932335,
  "summary_bg_n": 987383.0,
  "summary_bg_p05": 0.0,
  "summary_bg_p95": 31.350089348852634,
  "summary_bg_stdv": 10.77590190512348,
  "summary_csf_k": 0.31522368072340035,
  "summary_csf_mad": 118.43272075479885,
  "summary_csf_mean": 235.00476925372817,
  "summary_csf_median": 201.67200334370136,
  "summary_csf_n": 22307.0,
  "summary_csf_p05": 75.44650073945522,
  "summary_csf_p95": 492.78269016221174,
  "summary_csf_stdv": 130.90607612651993,
  "summary_gm_k": 0.013008679088315489,
  "summary_gm_mad": 79.39781109385598,
  "summary_gm_mean": 653.137657847982,
  "summary_gm_median": 653.9547209367156,
  "summary_gm_n": 24257.0,
  "summary_gm_p05": 517.3986174613237,
  "summary_gm_p95": 787.0365287959576,
  "summary_gm_stdv": 80.9584048791621,
  "summary_wm_k": 0.33858952935681863,
  "summary_wm_mad": 47.18395007985106,
  "summary_wm_mean": 999.7288147126989,
  "summary_wm_median": 999.9864214248955,
  "summary_wm_n": 181446.0,
  "summary_wm_p05": 919.5211920961738,
  "summary_wm_p95": 1078.6059312075377,
  "summary_wm_stdv": 48.75792335618198,
  "tpm_overlap_csf": 0.15498969402968116,
  "tpm_overlap_gm": 0.4687070702343002,
  "tpm_overlap_wm": 0.5192285377312181,
  "wm2max": 0.6336033433082241
}