{
  "bids_meta": {
    "AcquisitionMatrixPE": 256,
    "AcquisitionNumber": 1,
    "AcquisitionTime": "09:10:30.000000",
    "BodyPartExamined": "BRAIN",
    "CoilString": "32Ch Head",
    "ConversionSoftware": "dcm2niix",
    "ConversionSoftwareVersion": "v1.0.20211006",
    "Dcm2bidsVersion": "2.1.6",
    "DeviceSerialNumber": "000301496mr3T5mr",
    "EchoTime": 0.065618,
    "EchoTrainLength": 140,
    "FlipAngle": 90,
    "ImageOrientationPatientDICOM": [
      0,
      1,
      0,
      0,
      0,
      -1
    ],
    "ImageType": [
      "ORIGINAL",
      "PRIMARY",
      "OTHER"
    ],
    "ImagingFrequency": 127.824,
    "InPlanePhaseEncodingDirectionDICOM": "ROW",
    "InstitutionName": "NIH FMRIF",
    "MRAcquisitionType": "3D",
    "MagneticFieldStrength": 3,
    "Manufacturer": "GE",
    "ManufacturersModelName": "DISCOVERY MR750",
    "Modality": "MR",
    "ParallelReductionFactorInPlane": 2,
    "ParallelReductionOutOfPlane": 1.5,
    "PatientPosition": "HFS",
    "PercentPhaseFOV": 100,
    "PercentSampling": 100,
    "PhaseEncodingAxis": "i",
    "PixelBandwidth": 244.141,
    "ProcedureStepDescription": "MR BRAIN",
    "ProtocolName": "ADNI3 FMRIF Enhanced Pro",
    "ReconMatrixPE": 256,
    "RepetitionTime": 3.231,
    "SAR": 0.4476,
    "ScanOptions": "SAT_GEMS\\EDR_GEMS\\PROMO_GEMS\\FILTERED_GEMS\\ACC_GEMS\\FS\\FR_GEMS",
    "ScanningSequence": "RM",
    "SequenceVariant": "NONE",
    "SeriesDescription": "Anat T2w CUBE (ABCD)",
    "SeriesNumber": 4,
    "SliceThickness": 1,
    "SoftwareVersions": "27\\LX\\MR Software release:DV26.0_R03_1831.b",
    "SpacingBetweenSlices": 1,
    "StationName": "FMRI3ta",
    "acq_id": "CUBE",
    "dataset": "ds004215",
    "modality": "T2w",
    "rec_id": "SCIC",
    "session_id": "01",
    "subject_id": "ON98098"
  },
  "cjv": 19.969877459204152,
  "cnr": 0.06137478818243371,
  "efc": 0.4295708068794136,
  "fber": 9925.959157133726,
  "fwhm_avg": 2.14632,
  "fwhm_x": 1.80616,
  "fwhm_y": 2.47234,
  "fwhm_z": 2.16046,
  "icvs_csf": 0.30107559381531995,
  "icvs_gm": 0.5034566429752678,
  "icvs_wm": 0.19546776320941225,
  "inu_med": 0.8006384968757629,
  "inu_range": 0.13169072866439813,
  "provenance": {
    "md5sum": "9f51ef25218dd3e1d3e989e8957377e1",
    "settings": {
      "testing": false
    },
    "software": "mriqc",
    "version": "22.0.6",
    "warnings": {
      "large_rot_frame": true,
      "small_air_mask": false
    },
    "webapi_port": null,
    "webapi_url": "https://mriqc.nimh.nih.gov/api/v1"
  },
  "qi_1": 0.0,
  "qi_2": 0.01210072735580776,
  "rpve_csf": 20.913857228175175,
  "rpve_gm": 15.027385240235246,
  "rpve_wm": 41.02720762108591,
  "size_x": 204,
  "size_y": 256,
  "size_z": 256,
  "snr_csf": 12.217630094116114,
  "snr_gm": 12.071222381909049,
  "snr_total": 8.373196387778128,
  "snr_wm": 0.8307366873092209,
  "snrd_csf": 70.52749585704593,
  "snrd_gm": 49.41794000896087,
  "snrd_total": 55.31829074765267,
  "snrd_wm": 46.00943637695119,
  "spacing_x": 1.0,
  "spacing_y": 1.0,
  "spacing_z": 1.0,
  "summary_bg_k": 9.289326259177587,
  "summary_bg_mad": 14.356306343807658,
  "summary_bg_mean": 9.478475222684091,
  "summary_bg_median": 9.68318147957325,
  "summary_bg_n": 3277635.0,
  "summary_bg_p05": 0.0,
  "summary_bg_p95": 21.434615314006805,
  "summary_bg_stdv": 9.2655129055624,
  "summary_csf_k": 0.48665848472914686,
  "summary_csf_mad": 121.74984069238823,
  "summary_csf_mean": 1550.1272753381386,
  "summary_csf_median": 1545.5015721693635,
  "summary_csf_n": 16149.0,
  "summary_csf_p05": 1349.816695958376,
  "summary_csf_p95": 1760.3271838098763,
  "summary_csf_stdv": 126.49373963810054,
  "summary_gm_k": 0.030822092243431687,
  "summary_gm_mad": 90.45866812748709,
  "summary_gm_mean": 1082.0544002106337,
  "summary_gm_median": 1082.918130710721,
  "summary_gm_n": 155639.0,
  "summary_gm_p05": 934.2859955728054,
  "summary_gm_p95": 1227.225738197565,
  "summary_gm_stdv": 89.71043838824532,
  "summary_wm_k": -1.8262013529319856,
  "summary_wm_mad": 1401.1336846711308,
  "summary_wm_mean": 1393.246163190101,
  "summary_wm_median": 1008.2260172590613,
  "summary_wm_n": 38699.0,
  "summary_wm_p05": 60.26135270297527,
  "summary_wm_p95": 2900.258570911735,
  "summary_wm_stdv": 1213.6372524102687,
  "tpm_overlap_csf": 0.1024090619598964,
  "tpm_overlap_gm": 0.3183248105012777,
  "tpm_overlap_wm": 0.03731286806536601,
  "wm2max": 0.347887438163977
}