{
  "aor": 0.04342666666666667,
  "aqi": 0.0009566017777777776,
  "bids_meta": {
    "AcquisitionMatrixPE": 64,
    "AcquisitionNumber": 1,
    "AcquisitionTime": "16:25:3.000000",
    "BodyPartExamined": "BRAIN",
    "CoilString": "32Ch Head",
    "ConversionSoftware": "dcm2niix",
    "ConversionSoftwareVersion": "v1.0.20211006",
    "Dcm2bidsVersion": "2.1.6",
    "DeviceSerialNumber": "000301496MR3T6MR",
    "EchoTime": 0.0169,
    "EffectiveEchoSpacing": 0.000416,
    "FlipAngle": 90,
    "ImageOrientationPatientDICOM": [
      1,
      0,
      0,
      0,
      1,
      0
    ],
    "ImageType": [
      "ORIGINAL",
      "PRIMARY",
      "OTHER"
    ],
    "ImagingFrequency": 127.697,
    "InPlanePhaseEncodingDirectionDICOM": "COL",
    "InstitutionName": "NIH FMRIF",
    "InternalPulseSequenceName": "EPI",
    "MRAcquisitionType": "2D",
    "MagneticFieldStrength": 3,
    "Manufacturer": "GE",
    "ManufacturersModelName": "DISCOVERY MR750",
    "Modality": "MR",
    "PatientPosition": "HFS",
    "PercentPhaseFOV": 100,
    "PercentSampling": 100,
    "PhaseEncodingDirection": "j",
    "PhaseEncodingPolarityGE": "Flipped",
    "PixelBandwidth": 7812.5,
    "ProtocolName": "ADNI3 FMRIF Enhanced Pro",
    "PulseSequenceName": "epi",
    "ReconMatrixPE": 64,
    "RepetitionTime": 3,
    "SAR": 0.206463,
    "ScanOptions": "MP_GEMS\\EPI_GEMS\\PFF",
    "ScanningSequence": "EP\\GR",
    "SequenceVariant": "SS",
    "SeriesDescription": "Axial rsfMRI reverse blip - RKV",
    "SeriesNumber": 12,
    "SliceThickness": 3.4,
    "SliceTiming": [
      0,
      1.5,
      0.0625,
      1.5625,
      0.125,
      1.625,
      0.1875,
      1.6875,
      0.25,
      1.75,
      0.3125,
      1.8125,
      0.375,
      1.875,
      0.4375,
      1.9375,
      0.5,
      2,
      0.5625,
      2.0625,
      0.625,
      2.125,
      0.6875,
      2.1875,
      0.75,
      2.25,
      0.8125,
      2.3125,
      0.875,
      2.375,
      0.9375,
      2.4375,
      1,
      2.5,
      1.0625,
      2.5625,
      1.125,
      2.625,
      1.1875,
      2.6875,
      1.25,
      2.75,
      1.3125,
      2.8125,
      1.375,
      2.875,
      1.4375,
      2.9375
    ],
    "SoftwareVersions": "27\\LX\\MR Software release:DV26.0_R01_1725.a",
    "SpacingBetweenSlices": 3.4,
    "StationName": "fmrif3tb",
    "TaskName": "Resting state with reverse blip.",
    "TotalReadoutTime": 0.026208,
    "TriggerDelayTime": 29938,
    "dataset": "ds004215",
    "modality": "bold",
    "session_id": "01",
    "subject_id": "ON65553",
    "task_id": "rest"
  },
  "dummy_trs": 1,
  "dvars_nstd": 16.623999833750002,
  "dvars_std": 1.6039254075000002,
  "dvars_vstd": 1.44988027125,
  "efc": 0.5130047857182468,
  "fber": 2909.0634765625,
  "fd_mean": 0.07358180707911721,
  "fd_num": 0,
  "fd_perc": 0.0,
  "fwhm_avg": 3.0922645352677445,
  "fwhm_x": 2.8297221818181817,
  "fwhm_y": 2.875778909090909,
  "fwhm_z": 3.571292514894142,
  "gcor": 0.0394616,
  "gsr_x": 0.01701744645833969,
  "gsr_y": 0.05882609263062477,
  "provenance": {
    "md5sum": "e14b2cf328a5b8c702e550fe173ff464",
    "settings": {
      "fd_thres": 0.2,
      "testing": false
    },
    "software": "mriqc",
    "version": "22.0.6",
    "webapi_port": null,
    "webapi_url": "https://mriqc.nimh.nih.gov/api/v1"
  },
  "size_t": 9,
  "size_x": 64,
  "size_y": 64,
  "size_z": 48,
  "snr": 3.3067784890057137,
  "spacing_tr": 3.0,
  "spacing_x": 3.4375,
  "spacing_y": 3.4375,
  "spacing_z": 3.4000015258789062,
  "summary_bg_k": 17.555892582409207,
  "summary_bg_mad": 23.227436641813973,
  "summary_bg_mean": 211.8185577392578,
  "summary_bg_median": 45.55555725097656,
  "summary_bg_n": 126285.0,
  "summary_bg_p05": 25.33333396911621,
  "summary_bg_p95": 1073.8444580078099,
  "summary_bg_stdv": 397.9266662597656,
  "summary_fg_k": 2.174508410451944,
  "summary_fg_mad": 606.6315283930195,
  "summary_fg_mean": 2499.179443359375,
  "summary_fg_median": 2388.83349609375,
  "summary_fg_n": 31576.0,
  "summary_fg_p05": 1525.0277709960938,
  "summary_fg_p95": 3845.0833129882812,
  "summary_fg_stdv": 722.3936157226562,
  "tsnr": 176.5443246718496
}