{
  "bids_meta": {
    "AcquisitionMatrixPE": 256,
    "AcquisitionNumber": 1,
    "AcquisitionTime": "09:14:11.000000",
    "BodyPartExamined": "BRAIN",
    "CoilString": "32Ch Head",
    "ConversionSoftware": "dcm2niix",
    "ConversionSoftwareVersion": "v1.0.20211006",
    "Dcm2bidsVersion": "2.1.6",
    "DeviceSerialNumber": "000301496mr3T5mr",
    "EchoTime": 0.066023,
    "EchoTrainLength": 140,
    "FlipAngle": 90,
    "ImageOrientationPatientDICOM": [
      0,
      1,
      0,
      0,
      0,
      -1
    ],
    "ImageType": [
      "ORIGINAL",
      "PRIMARY",
      "OTHER"
    ],
    "ImagingFrequency": 127.824,
    "InPlanePhaseEncodingDirectionDICOM": "ROW",
    "InstitutionName": "NIH FMRIF",
    "MRAcquisitionType": "3D",
    "MagneticFieldStrength": 3,
    "Manufacturer": "GE",
    "ManufacturersModelName": "DISCOVERY MR750",
    "Modality": "MR",
    "ParallelReductionFactorInPlane": 2,
    "ParallelReductionOutOfPlane": 1.5,
    "PatientPosition": "HFS",
    "PercentPhaseFOV": 100,
    "PercentSampling": 100,
    "PhaseEncodingAxis": "i",
    "PixelBandwidth": 244.141,
    "ProcedureStepDescription": "MRI Brain",
    "ProtocolName": "ADNI3 FMRIF Enhanced Pro",
    "ReconMatrixPE": 256,
    "RepetitionTime": 3.202,
    "SAR": 0.4357,
    "ScanOptions": "SAT_GEMS\\EDR_GEMS\\PROMO_GEMS\\ACC_GEMS\\FS\\FR_GEMS",
    "ScanningSequence": "RM",
    "SequenceVariant": "NONE",
    "SeriesDescription": "ORIG Anat T2w CUBE (ABCD)",
    "SeriesNumber": 40004,
    "SliceThickness": 1,
    "SoftwareVersions": "27\\LX\\MR Software release:DV26.0_R03_1831.b",
    "SpacingBetweenSlices": 1,
    "StationName": "FMRI3ta",
    "acq_id": "CUBE",
    "dataset": "ds004215",
    "modality": "T2w",
    "session_id": "01",
    "subject_id": "ON88614"
  },
  "cjv": 0.2473469276932116,
  "cnr": 0.9740414858781866,
  "efc": 0.3654609194655321,
  "fber": 8461.78327768907,
  "fwhm_avg": 2.3355,
  "fwhm_x": 1.95041,
  "fwhm_y": 2.52095,
  "fwhm_z": 2.53514,
  "icvs_csf": 0.23177268625468306,
  "icvs_gm": 0.6947269354114609,
  "icvs_wm": 0.07350037833385603,
  "inu_med": 0.866438239812851,
  "inu_range": 0.40093187093734706,
  "provenance": {
    "md5sum": "8b43b17c503bfe61ec0fcb87fe80a659",
    "settings": {
      "testing": false
    },
    "software": "mriqc",
    "version": "22.0.6",
    "warnings": {
      "large_rot_frame": true,
      "small_air_mask": false
    },
    "webapi_port": null,
    "webapi_url": "https://mriqc.nimh.nih.gov/api/v1"
  },
  "qi_1": 4.372129878906576e-06,
  "qi_2": 0.01685441320680902,
  "rpve_csf": 25.9189597168183,
  "rpve_gm": 11.905171586628178,
  "rpve_wm": 96.98364263664428,
  "size_x": 204,
  "size_y": 256,
  "size_z": 256,
  "snr_csf": 5.969064469410754,
  "snr_gm": 9.326963135769272,
  "snr_total": 5.1483513877499645,
  "snr_wm": 0.14902655806986548,
  "snrd_csf": 99.06300835282383,
  "snrd_gm": 38.85686251613957,
  "snrd_total": 47.68096367697152,
  "snrd_wm": 5.12302016195118,
  "spacing_x": 1.0,
  "spacing_y": 1.0,
  "spacing_z": 1.0,
  "summary_bg_k": 112.13301583605246,
  "summary_bg_mad": 0.0,
  "summary_bg_mean": 77.96009356937542,
  "summary_bg_median": 0.0,
  "summary_bg_n": 4551978.0,
  "summary_bg_p05": 0.0,
  "summary_bg_p95": 302.7643758058548,
  "summary_bg_stdv": 128.105347536902,
  "summary_csf_k": 3.3277906577984515,
  "summary_csf_mad": 2349.1341411637727,
  "summary_csf_mean": 19049.0483036853,
  "summary_csf_median": 19370.7770062685,
  "summary_csf_n": 38193.0,
  "summary_csf_p05": 12747.170041537285,
  "summary_csf_p95": 23405.616921174525,
  "summary_csf_stdv": 3245.1523204690056,
  "summary_gm_k": 0.05433620162774844,
  "summary_gm_mad": 814.4879381714328,
  "summary_gm_mean": 7659.528151781153,
  "summary_gm_median": 7598.069465875626,
  "summary_gm_n": 385654.0,
  "summary_gm_p05": 6429.574490845203,
  "summary_gm_p95": 9096.094942688942,
  "summary_gm_stdv": 814.6338207172081,
  "summary_wm_k": 5.663836558794886,
  "summary_wm_mad": 817.0901360569645,
  "summary_wm_mean": 3387.7619055971613,
  "summary_wm_median": 1001.7551738619804,
  "summary_wm_n": 12041.0,
  "summary_wm_p05": 265.02852606773376,
  "summary_wm_p95": 23928.916623473167,
  "summary_wm_stdv": 6721.711809616747,
  "tpm_overlap_csf": 0.16309284780431546,
  "tpm_overlap_gm": 0.4173013982535059,
  "tpm_overlap_wm": 0.02017547937677698,
  "wm2max": 0.04059099637294645
}