{
  "aor": 0.0010894974874371857,
  "aqi": 0.003085385678391959,
  "bids_meta": {
    "AcquisitionMatrixPE": 64,
    "AcquisitionNumber": 1,
    "AcquisitionTime": "11:27:51.000000",
    "BodyPartExamined": "BRAIN",
    "CoilString": "32Ch Head",
    "ConversionSoftware": "dcm2niix",
    "ConversionSoftwareVersion": "v1.0.20211006",
    "Dcm2bidsVersion": "2.1.6",
    "DeviceSerialNumber": "000301496mr3T5mr",
    "EchoTime": 0.0169,
    "EffectiveEchoSpacing": 0.000416,
    "FlipAngle": 90,
    "ImageOrientationPatientDICOM": [
      1,
      0,
      0,
      0,
      1,
      0
    ],
    "ImageType": [
      "ORIGINAL",
      "PRIMARY",
      "OTHER"
    ],
    "ImagingFrequency": 127.824,
    "InPlanePhaseEncodingDirectionDICOM": "COL",
    "InstitutionName": "NIH FMRIF",
    "InternalPulseSequenceName": "EPI",
    "MRAcquisitionType": "2D",
    "MagneticFieldStrength": 3,
    "Manufacturer": "GE",
    "ManufacturersModelName": "DISCOVERY MR750",
    "Modality": "MR",
    "PatientPosition": "HFS",
    "PercentPhaseFOV": 100,
    "PercentSampling": 100,
    "PhaseEncodingDirection": "j",
    "PhaseEncodingPolarityGE": "Flipped",
    "PixelBandwidth": 7812.5,
    "ProcedureStepDescription": "MRI Brain",
    "ProtocolName": "ADNI3 FMRIF Enhanced Pro",
    "PulseSequenceName": "epi",
    "ReconMatrixPE": 64,
    "RepetitionTime": 3,
    "SAR": 0.213678,
    "ScanOptions": "MP_GEMS\\EPI_GEMS\\PFF",
    "ScanningSequence": "EP\\GR",
    "SequenceVariant": "SS",
    "SeriesDescription": "Axial rsfMRI with Eyes Open - RKV",
    "SeriesNumber": 10,
    "SliceThickness": 3.4,
    "SliceTiming": [
      0,
      1.5,
      0.0625,
      1.5625,
      0.125,
      1.625,
      0.1875,
      1.6875,
      0.25,
      1.75,
      0.3125,
      1.8125,
      0.375,
      1.875,
      0.4375,
      1.9375,
      0.5,
      2,
      0.5625,
      2.0625,
      0.625,
      2.125,
      0.6875,
      2.1875,
      0.75,
      2.25,
      0.8125,
      2.3125,
      0.875,
      2.375,
      0.9375,
      2.4375,
      1,
      2.5,
      1.0625,
      2.5625,
      1.125,
      2.625,
      1.1875,
      2.6875,
      1.25,
      2.75,
      1.3125,
      2.8125,
      1.375,
      2.875,
      1.4375,
      2.9375
    ],
    "SoftwareVersions": "27\\LX\\MR Software release:DV26.0_R03_1831.b",
    "SpacingBetweenSlices": 3.4,
    "StationName": "FMRI3ta",
    "TaskName": "Resting state with eyes open.",
    "TotalReadoutTime": 0.026208,
    "TriggerDelayTime": 599938,
    "dataset": "ds004215",
    "modality": "bold",
    "session_id": "01",
    "subject_id": "ON84896",
    "task_id": "rest"
  },
  "dummy_trs": 1,
  "dvars_nstd": 12.090184662474744,
  "dvars_std": 1.1758339771212118,
  "dvars_vstd": 0.9436611655050504,
  "efc": 0.4910509399796632,
  "fber": 3561.604736328125,
  "fd_mean": 0.07364570694590247,
  "fd_num": 6,
  "fd_perc": 3.0150753768844223,
  "fwhm_avg": 2.6536656913614762,
  "fwhm_x": 2.5726894545454546,
  "fwhm_y": 2.5058850909090906,
  "fwhm_z": 2.8824225286298835,
  "gcor": 0.0507304,
  "gsr_x": 0.002904282184317708,
  "gsr_y": 0.06820500642061234,
  "provenance": {
    "md5sum": "8644b8ae6b861f99b5018d66201db664",
    "settings": {
      "fd_thres": 0.2,
      "testing": false
    },
    "software": "mriqc",
    "version": "22.0.6",
    "webapi_port": null,
    "webapi_url": "https://mriqc.nimh.nih.gov/api/v1"
  },
  "size_t": 199,
  "size_x": 64,
  "size_y": 64,
  "size_z": 48,
  "snr": 4.319979294438333,
  "spacing_tr": 3.0,
  "spacing_x": 3.4375,
  "spacing_y": 3.4375,
  "spacing_z": 3.3999977111816406,
  "summary_bg_k": 14.920911147592129,
  "summary_bg_mad": 18.372344773351788,
  "summary_bg_mean": 174.23292541503906,
  "summary_bg_median": 40.105525970458984,
  "summary_bg_n": 133034.0,
  "summary_bg_p05": 24.236181259155273,
  "summary_bg_p95": 858.7459686279294,
  "summary_bg_stdv": 314.6847229003906,
  "summary_fg_k": 1.7079242563865726,
  "summary_fg_mad": 480.6945868089001,
  "summary_fg_mean": 2400.3408203125,
  "summary_fg_median": 2339.333984375,
  "summary_fg_n": 27006.0,
  "summary_fg_p05": 1609.3403930664062,
  "summary_fg_p95": 3338.7901611328125,
  "summary_fg_stdv": 541.5050659179688,
  "tsnr": 106.38965561660007
}