{
  "aor": 0.0021713065326633163,
  "aqi": 0.0022696985527638188,
  "bids_meta": {
    "AcquisitionMatrixPE": 64,
    "AcquisitionNumber": 1,
    "AcquisitionTime": "15:01:48.000000",
    "BodyPartExamined": "HEAD",
    "CoilString": "32Ch Head",
    "ConversionSoftware": "dcm2niix",
    "ConversionSoftwareVersion": "v1.0.20211006",
    "Dcm2bidsVersion": "2.1.6",
    "DeviceSerialNumber": "000301496MR3T6MR",
    "EchoTime": 0.0169,
    "EffectiveEchoSpacing": 0.000208635,
    "FlipAngle": 90,
    "ImageOrientationPatientDICOM": [
      1,
      0,
      0,
      0,
      1,
      0
    ],
    "ImageType": [
      "ORIGINAL",
      "PRIMARY",
      "EPI",
      "NONE"
    ],
    "ImagingFrequency": 127.697,
    "InPlanePhaseEncodingDirectionDICOM": "COL",
    "InstitutionName": "NIH FMRIF",
    "InternalPulseSequenceName": "EPI",
    "MRAcquisitionType": "2D",
    "MagneticFieldStrength": 3,
    "Manufacturer": "GE",
    "ManufacturersModelName": "DISCOVERY MR750",
    "Modality": "MR",
    "ParallelReductionFactorInPlane": 2,
    "PatientPosition": "HFS",
    "PercentPhaseFOV": 100,
    "PercentSampling": 100,
    "PhaseEncodingDirection": "j-",
    "PhaseEncodingPolarityGE": "Unflipped",
    "PixelBandwidth": 7812.5,
    "ProcedureStepDescription": "MRI BRAIN",
    "ProtocolName": "ADNI3 FMRIF Enhanced Pro",
    "PulseSequenceName": "epiRT",
    "ReconMatrixPE": 64,
    "RepetitionTime": 3,
    "SAR": 0.156865,
    "ScanOptions": "EPI_GEMS\\ACC_GEMS",
    "ScanningSequence": "EP\\GR",
    "SequenceVariant": "SS",
    "SeriesDescription": "Axial rsfMRI with Eyes Open - RKV",
    "SeriesNumber": 11,
    "SliceThickness": 3.4,
    "SliceTiming": [
      0,
      1.5,
      0.0625,
      1.5625,
      0.125,
      1.625,
      0.1875,
      1.6875,
      0.25,
      1.75,
      0.3125,
      1.8125,
      0.375,
      1.875,
      0.4375,
      1.9375,
      0.5,
      2,
      0.5625,
      2.0625,
      0.625,
      2.125,
      0.6875,
      2.1875,
      0.75,
      2.25,
      0.8125,
      2.3125,
      0.875,
      2.375,
      0.9375,
      2.4375,
      1,
      2.5,
      1.0625,
      2.5625,
      1.125,
      2.625,
      1.1875,
      2.6875,
      1.25,
      2.75,
      1.3125,
      2.8125,
      1.375,
      2.875,
      1.4375,
      2.9375
    ],
    "SoftwareVersions": "27\\LX\\MR Software release:DV26.0_R01_1725.a",
    "SpacingBetweenSlices": 3.4,
    "StationName": "fmrif3tb",
    "TaskName": "Resting state with eyes open.",
    "TotalReadoutTime": 0.013144,
    "dataset": "ds004215",
    "modality": "bold",
    "session_id": "01",
    "subject_id": "ON73969",
    "task_id": "rest"
  },
  "dummy_trs": 1,
  "dvars_nstd": 12.90441358429293,
  "dvars_std": 1.1330800977777777,
  "dvars_vstd": 0.9493531047979793,
  "efc": 0.44507092240691754,
  "fber": 54433.65625,
  "fd_mean": 0.11059839728503983,
  "fd_num": 21,
  "fd_perc": 10.552763819095478,
  "fwhm_avg": 2.8648740201077296,
  "fwhm_x": 2.7488407272727273,
  "fwhm_y": 2.8106356363636364,
  "fwhm_z": 3.0351456966868247,
  "gcor": 0.0492517,
  "gsr_x": 0.021935366094112396,
  "gsr_y": 0.021999236196279526,
  "provenance": {
    "md5sum": "f11efffd3ad7becfcc34b1a748cee011",
    "settings": {
      "fd_thres": 0.2,
      "testing": false
    },
    "software": "mriqc",
    "version": "22.0.6",
    "webapi_port": null,
    "webapi_url": "https://mriqc.nimh.nih.gov/api/v1"
  },
  "size_t": 199,
  "size_x": 64,
  "size_y": 64,
  "size_z": 48,
  "snr": 4.456863754615619,
  "spacing_tr": 3.0,
  "spacing_x": 3.4375,
  "spacing_y": 3.4375,
  "spacing_z": 3.4000015258789062,
  "summary_bg_k": 13.709428062193012,
  "summary_bg_mad": 17.441064735343932,
  "summary_bg_mean": 136.0183563232422,
  "summary_bg_median": 12.281407356262207,
  "summary_bg_n": 135334.0,
  "summary_bg_p05": 0.23618090152740479,
  "summary_bg_p95": 857.8796661376952,
  "summary_bg_stdv": 322.4640808105469,
  "summary_fg_k": 0.38829129656962946,
  "summary_fg_mad": 502.15512723456743,
  "summary_fg_mean": 2615.322265625,
  "summary_fg_median": 2517.060302734375,
  "summary_fg_n": 25571.0,
  "summary_fg_p05": 1840.87939453125,
  "summary_fg_p95": 3725.36181640625,
  "summary_fg_stdv": 564.7493896484375,
  "tsnr": 103.71385495970026
}