{
  "bids_meta": {
    "AcquisitionMatrixPE": 256,
    "AcquisitionNumber": 1,
    "AcquisitionTime": "10:15:30.000000",
    "BodyPartExamined": "BRAIN",
    "CoilString": "32Ch Head",
    "ConversionSoftware": "dcm2niix",
    "ConversionSoftwareVersion": "v1.0.20211006",
    "Dcm2bidsVersion": "2.1.6",
    "DeviceSerialNumber": "000301496mr3T5mr",
    "EchoTime": 0.058803,
    "EchoTrainLength": 140,
    "FlipAngle": 90,
    "ImageOrientationPatientDICOM": [
      0,
      1,
      0,
      0,
      0,
      -1
    ],
    "ImageType": [
      "ORIGINAL",
      "PRIMARY",
      "OTHER"
    ],
    "ImagingFrequency": 127.824,
    "InPlanePhaseEncodingDirectionDICOM": "ROW",
    "InstitutionName": "NIH FMRIF",
    "MRAcquisitionType": "3D",
    "MagneticFieldStrength": 3,
    "Manufacturer": "GE",
    "ManufacturersModelName": "DISCOVERY MR750",
    "Modality": "MR",
    "ParallelReductionFactorInPlane": 2,
    "ParallelReductionOutOfPlane": 1.5,
    "PatientPosition": "HFS",
    "PercentPhaseFOV": 100,
    "PercentSampling": 100,
    "PhaseEncodingAxis": "i",
    "PixelBandwidth": 244.141,
    "ProcedureStepDescription": "MRI Brain",
    "ProtocolName": "ADNI3 FMRIF Enhanced Pro",
    "ReconMatrixPE": 256,
    "RepetitionTime": 3.202,
    "SAR": 0.3901,
    "ScanOptions": "SAT_GEMS\\EDR_GEMS\\PROMO_GEMS\\ACC_GEMS\\FS\\FR_GEMS",
    "ScanningSequence": "RM",
    "SequenceVariant": "NONE",
    "SeriesDescription": "ORIG Anat T2w CUBE (ABCD)",
    "SeriesNumber": 40004,
    "SliceThickness": 1,
    "SoftwareVersions": "27\\LX\\MR Software release:DV26.0_R03_1831.b",
    "SpacingBetweenSlices": 1,
    "StationName": "FMRI3ta",
    "acq_id": "CUBE",
    "dataset": "ds004215",
    "modality": "T2w",
    "session_id": "01",
    "subject_id": "ON26309"
  },
  "cjv": 0.8973988758707916,
  "cnr": 0.5212248747414748,
  "efc": 0.3971460535511334,
  "fber": 6432.219219125495,
  "fwhm_avg": 2.41652,
  "fwhm_x": 1.96631,
  "fwhm_y": 2.72824,
  "fwhm_z": 2.55501,
  "icvs_csf": 0.17656083716368465,
  "icvs_gm": 0.690533486129133,
  "icvs_wm": 0.1329056767071824,
  "inu_med": 0.8731649219989777,
  "inu_range": 0.49855271875858276,
  "provenance": {
    "md5sum": "36c26ee5fa8dffe41a703fe37790799d",
    "settings": {
      "testing": false
    },
    "software": "mriqc",
    "version": "22.0.6",
    "warnings": {
      "large_rot_frame": true,
      "small_air_mask": false
    },
    "webapi_port": null,
    "webapi_url": "https://mriqc.nimh.nih.gov/api/v1"
  },
  "qi_1": 0.00010434177728827314,
  "qi_2": 0.022367182897166313,
  "rpve_csf": 30.583454174665214,
  "rpve_gm": 11.382358139598734,
  "rpve_wm": 51.180015802635815,
  "size_x": 204,
  "size_y": 256,
  "size_z": 256,
  "snr_csf": 7.791931144127034,
  "snr_gm": 9.85283818711449,
  "snr_total": 5.982368273294436,
  "snr_wm": 0.3023354886417822,
  "snrd_csf": 95.46891504074802,
  "snrd_gm": 44.796909686242934,
  "snrd_total": 52.22461657178786,
  "snrd_wm": 16.408024988372624,
  "spacing_x": 1.0,
  "spacing_y": 1.0,
  "spacing_z": 1.0,
  "summary_bg_k": 15.464697388999827,
  "summary_bg_mad": 40.179606732013895,
  "summary_bg_mean": 40.375488599863985,
  "summary_bg_median": 27.100732907652855,
  "summary_bg_n": 4403199.0,
  "summary_bg_p05": 0.0,
  "summary_bg_p95": 131.07209815084934,
  "summary_bg_stdv": 48.30542411633063,
  "summary_csf_k": 7.402176193965614,
  "summary_csf_mad": 467.75127082363343,
  "summary_csf_mean": 5708.971344924837,
  "summary_csf_median": 5855.121866941452,
  "summary_csf_n": 13515.0,
  "summary_csf_p05": 4241.5544563114645,
  "summary_csf_p95": 6499.045507518947,
  "summary_csf_stdv": 751.4061840325662,
  "summary_gm_k": -0.15595896277001353,
  "summary_gm_mad": 287.32209342326917,
  "summary_gm_mean": 2759.4369221398883,
  "summary_gm_median": 2747.4007153362036,
  "summary_gm_n": 395438.0,
  "summary_gm_p05": 2324.5270150601864,
  "summary_gm_p95": 3238.11147031188,
  "summary_gm_stdv": 278.8432316950723,
  "summary_wm_k": -1.5977362386385885,
  "summary_wm_mad": 1275.1339344008938,
  "summary_wm_mean": 3238.912057270531,
  "summary_wm_median": 1006.3064596652985,
  "summary_wm_n": 26621.0,
  "summary_wm_p05": 122.89074482023716,
  "summary_wm_p95": 8403.102094843984,
  "summary_wm_stdv": 3328.3805463759622,
  "tpm_overlap_csf": 0.11210115901489172,
  "tpm_overlap_gm": 0.4098442952964451,
  "tpm_overlap_wm": 0.0386803106971481,
  "wm2max": 0.1196199186493361
}