{
  "bids_meta": {
    "AcquisitionMatrixPE": 256,
    "AcquisitionNumber": 1,
    "AcquisitionTime": "10:15:30.000000",
    "BodyPartExamined": "BRAIN",
    "CoilString": "32Ch Head",
    "ConversionSoftware": "dcm2niix",
    "ConversionSoftwareVersion": "v1.0.20211006",
    "Dcm2bidsVersion": "2.1.6",
    "DeviceSerialNumber": "000301496mr3T5mr",
    "EchoTime": 0.058803,
    "EchoTrainLength": 140,
    "FlipAngle": 90,
    "ImageOrientationPatientDICOM": [
      0,
      1,
      0,
      0,
      0,
      -1
    ],
    "ImageType": [
      "ORIGINAL",
      "PRIMARY",
      "OTHER"
    ],
    "ImagingFrequency": 127.824,
    "InPlanePhaseEncodingDirectionDICOM": "ROW",
    "InstitutionName": "NIH FMRIF",
    "MRAcquisitionType": "3D",
    "MagneticFieldStrength": 3,
    "Manufacturer": "GE",
    "ManufacturersModelName": "DISCOVERY MR750",
    "Modality": "MR",
    "ParallelReductionFactorInPlane": 2,
    "ParallelReductionOutOfPlane": 1.5,
    "PatientPosition": "HFS",
    "PercentPhaseFOV": 100,
    "PercentSampling": 100,
    "PhaseEncodingAxis": "i",
    "PixelBandwidth": 244.141,
    "ProcedureStepDescription": "MRI Brain",
    "ProtocolName": "ADNI3 FMRIF Enhanced Pro",
    "ReconMatrixPE": 256,
    "RepetitionTime": 3.202,
    "SAR": 0.3901,
    "ScanOptions": "SAT_GEMS\\EDR_GEMS\\PROMO_GEMS\\FILTERED_GEMS\\ACC_GEMS\\FS\\FR_GEMS",
    "ScanningSequence": "RM",
    "SequenceVariant": "NONE",
    "SeriesDescription": "Anat T2w CUBE (ABCD)",
    "SeriesNumber": 4,
    "SliceThickness": 1,
    "SoftwareVersions": "27\\LX\\MR Software release:DV26.0_R03_1831.b",
    "SpacingBetweenSlices": 1,
    "StationName": "FMRI3ta",
    "acq_id": "CUBE",
    "dataset": "ds004215",
    "modality": "T2w",
    "rec_id": "SCIC",
    "session_id": "01",
    "subject_id": "ON26309"
  },
  "cjv": 0.21677373364266586,
  "cnr": 4.819675520613508,
  "efc": 0.4444621234768819,
  "fber": 3241.079699162115,
  "fwhm_avg": 2.25967,
  "fwhm_x": 1.81131,
  "fwhm_y": 2.62687,
  "fwhm_z": 2.34083,
  "icvs_csf": 0.22448041040733174,
  "icvs_gm": 0.7029946040651972,
  "icvs_wm": 0.07252498552747104,
  "inu_med": 0.6610955595970154,
  "inu_range": 0.10008087754249573,
  "provenance": {
    "md5sum": "98508f7851079487e99b256bcab43055",
    "settings": {
      "testing": false
    },
    "software": "mriqc",
    "version": "22.0.6",
    "warnings": {
      "large_rot_frame": true,
      "small_air_mask": false
    },
    "webapi_port": null,
    "webapi_url": "https://mriqc.nimh.nih.gov/api/v1"
  },
  "qi_1": 0.0,
  "qi_2": 0.011605871360273565,
  "rpve_csf": 26.730131381871914,
  "rpve_gm": 11.364811980648541,
  "rpve_wm": 89.0728414505559,
  "size_x": 204,
  "size_y": 256,
  "size_z": 256,
  "snr_csf": 7.4022502393887235,
  "snr_gm": 10.183391301552609,
  "snr_total": 6.126328923586203,
  "snr_wm": 0.7933452298172785,
  "snrd_csf": 127.69334775057825,
  "snrd_gm": 52.55602979160363,
  "snrd_total": 62.21062980130721,
  "snrd_wm": 6.38251186173974,
  "spacing_x": 1.0,
  "spacing_y": 1.0,
  "spacing_z": 1.0,
  "summary_bg_k": 61.87439632931695,
  "summary_bg_mad": 102.66287749517895,
  "summary_bg_mean": 93.03853649065356,
  "summary_bg_median": 69.24505859613419,
  "summary_bg_n": 3206937.0,
  "summary_bg_p05": 0.0,
  "summary_bg_p95": 273.94020742177963,
  "summary_bg_stdv": 102.35295452546859,
  "summary_csf_k": 7.979529840085082,
  "summary_csf_mad": 995.0787199166857,
  "summary_csf_mean": 18925.125857697858,
  "summary_csf_median": 20010.13303041458,
  "summary_csf_n": 46594.0,
  "summary_csf_p05": 13170.629702487588,
  "summary_csf_p95": 20933.287884771824,
  "summary_csf_stdv": 2703.2210008438205,
  "summary_gm_k": -0.022361658899523018,
  "summary_gm_mad": 814.2918966202974,
  "summary_gm_mean": 8286.80255886266,
  "summary_gm_median": 8235.770822882652,
  "summary_gm_n": 409830.0,
  "summary_gm_p05": 7042.053568840027,
  "summary_gm_p95": 9699.71269583702,
  "summary_gm_stdv": 808.7444085382192,
  "summary_wm_k": 11.935777546733377,
  "summary_wm_mad": 754.1965536962903,
  "summary_wm_mean": 1419.4904563937448,
  "summary_wm_median": 1000.1688707470894,
  "summary_wm_n": 14189.0,
  "summary_wm_p05": 306.3671616911888,
  "summary_wm_p95": 3949.4679177045778,
  "summary_wm_stdv": 1260.6537331050502,
  "tpm_overlap_csf": 0.14500637178964443,
  "tpm_overlap_gm": 0.4132451422063758,
  "tpm_overlap_wm": 0.023772273341871,
  "wm2max": 0.047490487407574306
}