{
  "bids_meta": {
    "AcquisitionMatrixPE": 256,
    "AcquisitionNumber": 1,
    "AcquisitionTime": "10:08:53.000000",
    "BodyPartExamined": "BRAIN",
    "CoilString": "32Ch Head",
    "ConversionSoftware": "dcm2niix",
    "ConversionSoftwareVersion": "v1.0.20211006",
    "Dcm2bidsVersion": "2.1.6",
    "DeviceSerialNumber": "000301496mr3T5mr",
    "EchoTime": 0.00292,
    "FlipAngle": 8,
    "ImageOrientationPatientDICOM": [
      0,
      1,
      0,
      0,
      0,
      -1
    ],
    "ImageType": [
      "ORIGINAL",
      "PRIMARY",
      "OTHER"
    ],
    "ImagingFrequency": 127.824,
    "InPlanePhaseEncodingDirectionDICOM": "ROW",
    "InstitutionName": "NIH FMRIF",
    "InversionTime": 1.06,
    "MRAcquisitionType": "3D",
    "MagneticFieldStrength": 3,
    "Manufacturer": "GE",
    "ManufacturersModelName": "DISCOVERY MR750",
    "Modality": "MR",
    "ParallelReductionFactorInPlane": 2,
    "ParallelReductionOutOfPlane": 2,
    "PatientPosition": "HFS",
    "PercentPhaseFOV": 100,
    "PercentSampling": 100,
    "PixelBandwidth": 244.141,
    "ProcedureStepDescription": "MRI Brain",
    "ProtocolName": "ADNI3 FMRIF Enhanced Pro",
    "ReconMatrixPE": 256,
    "RepetitionTime": 0.006952,
    "SAR": 0.129265,
    "ScanOptions": "EDR_GEMS\\PROMO_GEMS\\ACC_GEMS\\IR_GEMS",
    "ScanningSequence": "RM",
    "SequenceVariant": "NONE",
    "SeriesDescription": "ORIG Anat T1w MP-RAGE 1mm (ABCD)",
    "SeriesNumber": 40003,
    "SliceThickness": 1,
    "SoftwareVersions": "27\\LX\\MR Software release:DV26.0_R03_1831.b",
    "SpacingBetweenSlices": 1,
    "StationName": "FMRI3ta",
    "acq_id": "MPRAGE",
    "dataset": "ds004215",
    "modality": "T1w",
    "session_id": "01",
    "subject_id": "ON26309"
  },
  "cjv": 0.3785603568030028,
  "cnr": 3.5112844428253656,
  "efc": 0.42660762761353216,
  "fber": 4833.678859418046,
  "fwhm_avg": 3.701703333333333,
  "fwhm_x": 3.6867,
  "fwhm_y": 3.89278,
  "fwhm_z": 3.52563,
  "icvs_csf": 0.23270275413132557,
  "icvs_gm": 0.4275903847332419,
  "icvs_wm": 0.3397068611354326,
  "inu_med": 0.9404086470603943,
  "inu_range": 0.6197107195854188,
  "provenance": {
    "md5sum": "88904ed1c1727704350e77a4b18dbc57",
    "settings": {
      "testing": false
    },
    "software": "mriqc",
    "version": "22.0.6",
    "warnings": {
      "large_rot_frame": true,
      "small_air_mask": false
    },
    "webapi_port": null,
    "webapi_url": "https://mriqc.nimh.nih.gov/api/v1"
  },
  "qi_1": 0.0,
  "qi_2": 0.0016364060450931967,
  "rpve_csf": 28.681802312664644,
  "rpve_gm": 15.641676760082975,
  "rpve_wm": 22.42503295899851,
  "size_x": 208,
  "size_y": 256,
  "size_z": 256,
  "snr_csf": 1.2948158310904165,
  "snr_gm": 8.227012952058475,
  "snr_total": 8.795051975031278,
  "snr_wm": 16.863327141944943,
  "snrd_csf": 5.164890433390909,
  "snrd_gm": 30.563901963770867,
  "snrd_total": 27.587187686932623,
  "snrd_wm": 47.0327706636361,
  "spacing_x": 1.0,
  "spacing_y": 1.0,
  "spacing_z": 1.0,
  "summary_bg_k": 1.582596392368659,
  "summary_bg_mad": 13.929969132362766,
  "summary_bg_mean": 14.279392603227159,
  "summary_bg_median": 9.39562140032649,
  "summary_bg_n": 4633682.0,
  "summary_bg_p05": 0.0,
  "summary_bg_p95": 39.942316092550755,
  "summary_bg_stdv": 13.760662383359014,
  "summary_csf_k": 3.943927997689684,
  "summary_csf_mad": 59.08898534285973,
  "summary_csf_mean": 130.1171899200274,
  "summary_csf_median": 109.81951897218823,
  "summary_csf_n": 45009.0,
  "summary_csf_p05": 36.7958754375577,
  "summary_csf_p95": 314.16335928812623,
  "summary_csf_stdv": 84.81383711538852,
  "summary_gm_k": 0.17816130838378363,
  "summary_gm_mad": 76.77680661325525,
  "summary_gm_mean": 647.964265176174,
  "summary_gm_median": 649.8710969500244,
  "summary_gm_n": 19171.0,
  "summary_gm_p05": 513.5471855159849,
  "summary_gm_p95": 774.9858135506511,
  "summary_gm_stdv": 78.99029103137143,
  "summary_wm_k": 0.7446701531133084,
  "summary_wm_mad": 55.78466708355507,
  "summary_wm_mean": 1000.4588165539387,
  "summary_wm_median": 1000.04372151196,
  "summary_wm_n": 166624.0,
  "summary_wm_p05": 904.2957843579352,
  "summary_wm_p95": 1097.6707829460502,
  "summary_wm_stdv": 59.30269348334083,
  "tpm_overlap_csf": 0.1592275270965684,
  "tpm_overlap_gm": 0.4519972792496719,
  "tpm_overlap_wm": 0.49929469399084864,
  "wm2max": 0.44218361763607233
}