{
  "bids_meta": {
    "AcquisitionMatrixPE": 256,
    "AcquisitionNumber": 1,
    "AcquisitionTime": "10:08:53.000000",
    "BodyPartExamined": "BRAIN",
    "CoilString": "32Ch Head",
    "ConversionSoftware": "dcm2niix",
    "ConversionSoftwareVersion": "v1.0.20211006",
    "Dcm2bidsVersion": "2.1.6",
    "DeviceSerialNumber": "000301496mr3T5mr",
    "EchoTime": 0.00292,
    "FlipAngle": 8,
    "ImageOrientationPatientDICOM": [
      0,
      1,
      0,
      0,
      0,
      -1
    ],
    "ImageType": [
      "ORIGINAL",
      "PRIMARY",
      "OTHER"
    ],
    "ImagingFrequency": 127.824,
    "InPlanePhaseEncodingDirectionDICOM": "ROW",
    "InstitutionName": "NIH FMRIF",
    "InversionTime": 1.06,
    "MRAcquisitionType": "3D",
    "MagneticFieldStrength": 3,
    "Manufacturer": "GE",
    "ManufacturersModelName": "DISCOVERY MR750",
    "Modality": "MR",
    "ParallelReductionFactorInPlane": 2,
    "ParallelReductionOutOfPlane": 2,
    "PatientPosition": "HFS",
    "PercentPhaseFOV": 100,
    "PercentSampling": 100,
    "PixelBandwidth": 244.141,
    "ProcedureStepDescription": "MRI Brain",
    "ProtocolName": "ADNI3 FMRIF Enhanced Pro",
    "ReconMatrixPE": 256,
    "RepetitionTime": 0.006952,
    "SAR": 0.129265,
    "ScanOptions": "EDR_GEMS\\PROMO_GEMS\\FILTERED_GEMS\\ACC_GEMS\\IR_GEMS",
    "ScanningSequence": "RM",
    "SequenceVariant": "NONE",
    "SeriesDescription": "Anat T1w MP-RAGE 1mm (ABCD)",
    "SeriesNumber": 3,
    "SliceThickness": 1,
    "SoftwareVersions": "27\\LX\\MR Software release:DV26.0_R03_1831.b",
    "SpacingBetweenSlices": 1,
    "StationName": "FMRI3ta",
    "acq_id": "MPRAGE",
    "dataset": "ds004215",
    "modality": "T1w",
    "rec_id": "SCIC",
    "session_id": "01",
    "subject_id": "ON26309"
  },
  "cjv": 0.3520847657097249,
  "cnr": 3.82853673066072,
  "efc": 0.665808941324703,
  "fber": 14031.369455435235,
  "fwhm_avg": 3.41016,
  "fwhm_x": 3.36133,
  "fwhm_y": 3.64408,
  "fwhm_z": 3.22507,
  "icvs_csf": 0.24206550055673728,
  "icvs_gm": 0.4279386292055966,
  "icvs_wm": 0.32999587023766613,
  "inu_med": 0.549729734659195,
  "inu_range": 0.09921698272228241,
  "provenance": {
    "md5sum": "5a5733dbd7933a508468df327a49cd6f",
    "settings": {
      "testing": false
    },
    "software": "mriqc",
    "version": "22.0.6",
    "warnings": {
      "large_rot_frame": true,
      "small_air_mask": false
    },
    "webapi_port": null,
    "webapi_url": "https://mriqc.nimh.nih.gov/api/v1"
  },
  "qi_1": 0.0,
  "qi_2": 0.007376480073070353,
  "rpve_csf": 27.516691536985718,
  "rpve_gm": 15.552390037731671,
  "rpve_wm": 23.023889979419536,
  "size_x": 208,
  "size_y": 256,
  "size_z": 256,
  "snr_csf": 2.0150222985001087,
  "snr_gm": 8.910628502619197,
  "snr_total": 9.992087547732403,
  "snr_wm": 19.050611842077902,
  "snrd_csf": 9.1723324147504,
  "snrd_gm": 38.07436343694605,
  "snrd_total": 35.2017007863946,
  "snrd_wm": 58.35840650748736,
  "spacing_x": 1.0,
  "spacing_y": 1.0,
  "spacing_z": 1.0,
  "summary_bg_k": 6.387475829781442,
  "summary_bg_mad": 0.0,
  "summary_bg_mean": 6.777659236909452,
  "summary_bg_median": 0.0,
  "summary_bg_n": 988474.0,
  "summary_bg_p05": 0.0,
  "summary_bg_p95": 31.04885612614453,
  "summary_bg_stdv": 11.226084545352883,
  "summary_csf_k": 3.913142185943477,
  "summary_csf_mad": 56.921298107507724,
  "summary_csf_mean": 174.0107716601401,
  "summary_csf_median": 157.1724287737161,
  "summary_csf_n": 52181.0,
  "summary_csf_p05": 83.76102374121547,
  "summary_csf_p95": 333.45620825886726,
  "summary_csf_stdv": 77.99959476988666,
  "summary_gm_k": 0.15018958716705733,
  "summary_gm_mad": 72.05546894849944,
  "summary_gm_mean": 652.2202616309412,
  "summary_gm_median": 652.4229503255337,
  "summary_gm_n": 20024.0,
  "summary_gm_p05": 528.5479386741296,
  "summary_gm_p95": 771.1982936899177,
  "summary_gm_stdv": 73.21668262859767,
  "summary_wm_k": 0.4482406863443753,
  "summary_wm_mad": 50.32111804629745,
  "summary_wm_mean": 998.9842575375916,
  "summary_wm_median": 1000.000008219853,
  "summary_wm_n": 166324.0,
  "summary_wm_p05": 911.3335487619042,
  "summary_wm_p95": 1083.1329660586084,
  "summary_wm_stdv": 52.49159503769144,
  "tpm_overlap_csf": 0.1563818748532318,
  "tpm_overlap_gm": 0.4533899299350668,
  "tpm_overlap_wm": 0.5017646478181292,
  "wm2max": 0.5953542549420126
}