{
  "aor": 0.0020194472361809044,
  "aqi": 0.0018646983668341708,
  "bids_meta": {
    "AcquisitionMatrixPE": 64,
    "AcquisitionNumber": 1,
    "AcquisitionTime": "15:53:12.000000",
    "BodyPartExamined": "BRAIN",
    "CoilString": "32Ch Head",
    "ConversionSoftware": "dcm2niix",
    "ConversionSoftwareVersion": "v1.0.20211006",
    "Dcm2bidsVersion": "2.1.6",
    "DeviceSerialNumber": "000301496MR3T6MR",
    "EchoTime": 0.0169,
    "EffectiveEchoSpacing": 0.000416,
    "FlipAngle": 90,
    "ImageOrientationPatientDICOM": [
      1,
      0,
      0,
      0,
      1,
      0
    ],
    "ImageType": [
      "ORIGINAL",
      "PRIMARY",
      "OTHER"
    ],
    "ImagingFrequency": 127.697,
    "InPlanePhaseEncodingDirectionDICOM": "COL",
    "InstitutionName": "NIH FMRIF",
    "InternalPulseSequenceName": "EPI",
    "MRAcquisitionType": "2D",
    "MagneticFieldStrength": 3,
    "Manufacturer": "GE",
    "ManufacturersModelName": "DISCOVERY MR750",
    "Modality": "MR",
    "PatientPosition": "HFS",
    "PercentPhaseFOV": 100,
    "PercentSampling": 100,
    "PhaseEncodingDirection": "j",
    "PhaseEncodingPolarityGE": "Flipped",
    "PixelBandwidth": 7812.5,
    "ProcedureStepDescription": "MRI Brain",
    "ProtocolName": "ADNI3 FMRIF Enhanced Pro",
    "PulseSequenceName": "epi",
    "ReconMatrixPE": 64,
    "RepetitionTime": 3,
    "SAR": 0.14835,
    "ScanOptions": "MP_GEMS\\EPI_GEMS\\PFF",
    "ScanningSequence": "EP\\GR",
    "SequenceVariant": "SS",
    "SeriesDescription": "Axial rsfMRI with Eyes Open - RKV",
    "SeriesNumber": 11,
    "SliceThickness": 3.4,
    "SliceTiming": [
      0,
      1.5,
      0.0625,
      1.5625,
      0.125,
      1.625,
      0.1875,
      1.6875,
      0.25,
      1.75,
      0.3125,
      1.8125,
      0.375,
      1.875,
      0.4375,
      1.9375,
      0.5,
      2,
      0.5625,
      2.0625,
      0.625,
      2.125,
      0.6875,
      2.1875,
      0.75,
      2.25,
      0.8125,
      2.3125,
      0.875,
      2.375,
      0.9375,
      2.4375,
      1,
      2.5,
      1.0625,
      2.5625,
      1.125,
      2.625,
      1.1875,
      2.6875,
      1.25,
      2.75,
      1.3125,
      2.8125,
      1.375,
      2.875,
      1.4375,
      2.9375
    ],
    "SoftwareVersions": "27\\LX\\MR Software release:DV26.0_R01_1725.a",
    "SpacingBetweenSlices": 3.4,
    "StationName": "fmrif3tb",
    "TaskName": "Resting state with eyes open.",
    "TotalReadoutTime": 0.026208,
    "TriggerDelayTime": 599938,
    "dataset": "ds004215",
    "modality": "bold",
    "session_id": "01",
    "subject_id": "ON41606",
    "task_id": "rest"
  },
  "dummy_trs": 1,
  "dvars_nstd": 7.753690483535356,
  "dvars_std": 1.0942027895959596,
  "dvars_vstd": 0.9534024116666665,
  "efc": 0.4748562509004127,
  "fber": 5165.2548828125,
  "fd_mean": 0.03438880085581305,
  "fd_num": 1,
  "fd_perc": 0.5025125628140703,
  "fwhm_avg": 2.456187533044545,
  "fwhm_x": 2.270440727272727,
  "fwhm_y": 2.405640727272727,
  "fwhm_z": 2.692481144588181,
  "gcor": 0.0141,
  "gsr_x": 0.0036566753406077623,
  "gsr_y": 0.045951832085847855,
  "provenance": {
    "md5sum": "a982b2d092782503efad2476854e83cd",
    "settings": {
      "fd_thres": 0.2,
      "testing": false
    },
    "software": "mriqc",
    "version": "22.0.6",
    "webapi_port": null,
    "webapi_url": "https://mriqc.nimh.nih.gov/api/v1"
  },
  "size_t": 199,
  "size_x": 64,
  "size_y": 64,
  "size_z": 48,
  "snr": 4.84279485404531,
  "spacing_tr": 3.0,
  "spacing_x": 3.4375,
  "spacing_y": 3.4375,
  "spacing_z": 3.4000015258789062,
  "summary_bg_k": 24.575150811385587,
  "summary_bg_mad": 14.002767464630521,
  "summary_bg_mean": 157.5723876953125,
  "summary_bg_median": 37.09296417236328,
  "summary_bg_n": 132572.0,
  "summary_bg_p05": 23.050251007080078,
  "summary_bg_p95": 822.5469665527341,
  "summary_bg_stdv": 312.783203125,
  "summary_fg_k": 0.376594809726865,
  "summary_fg_mad": 521.1719620382411,
  "summary_fg_mean": 2678.613037109375,
  "summary_fg_median": 2628.27392578125,
  "summary_fg_n": 26874.0,
  "summary_fg_p05": 1850.6647827148438,
  "summary_fg_p95": 3622.9433715820314,
  "summary_fg_stdv": 542.7083129882812,
  "tsnr": 139.23499453742988
}