{
  "aor": 0.03381,
  "aqi": 0.0008920112222222221,
  "bids_meta": {
    "AcquisitionMatrixPE": 64,
    "AcquisitionNumber": 1,
    "AcquisitionTime": "16:04:41.000000",
    "BodyPartExamined": "BRAIN",
    "CoilString": "32Ch Head",
    "ConversionSoftware": "dcm2niix",
    "ConversionSoftwareVersion": "v1.0.20211006",
    "Dcm2bidsVersion": "2.1.6",
    "DeviceSerialNumber": "000301496MR3T6MR",
    "EchoTime": 0.0169,
    "EffectiveEchoSpacing": 0.000416,
    "FlipAngle": 90,
    "ImageOrientationPatientDICOM": [
      1,
      0,
      0,
      0,
      1,
      0
    ],
    "ImageType": [
      "ORIGINAL",
      "PRIMARY",
      "OTHER"
    ],
    "ImagingFrequency": 127.697,
    "InPlanePhaseEncodingDirectionDICOM": "COL",
    "InstitutionName": "NIH FMRIF",
    "InternalPulseSequenceName": "EPI",
    "MRAcquisitionType": "2D",
    "MagneticFieldStrength": 3,
    "Manufacturer": "GE",
    "ManufacturersModelName": "DISCOVERY MR750",
    "Modality": "MR",
    "PatientPosition": "HFS",
    "PercentPhaseFOV": 100,
    "PercentSampling": 100,
    "PhaseEncodingDirection": "j-",
    "PhaseEncodingPolarityGE": "Unflipped",
    "PixelBandwidth": 7812.5,
    "ProcedureStepDescription": "MRI Brain",
    "ProtocolName": "ADNI3 FMRIF Enhanced Pro",
    "PulseSequenceName": "epi",
    "ReconMatrixPE": 64,
    "RepetitionTime": 3,
    "SAR": 0.148459,
    "ScanOptions": "MP_GEMS\\EPI_GEMS\\PFF",
    "ScanningSequence": "EP\\GR",
    "SequenceVariant": "SS",
    "SeriesDescription": "Axial rsfMRI reverse blip - RKV",
    "SeriesNumber": 12,
    "SliceThickness": 3.4,
    "SliceTiming": [
      0,
      1.5,
      0.0625,
      1.5625,
      0.125,
      1.625,
      0.1875,
      1.6875,
      0.25,
      1.75,
      0.3125,
      1.8125,
      0.375,
      1.875,
      0.4375,
      1.9375,
      0.5,
      2,
      0.5625,
      2.0625,
      0.625,
      2.125,
      0.6875,
      2.1875,
      0.75,
      2.25,
      0.8125,
      2.3125,
      0.875,
      2.375,
      0.9375,
      2.4375,
      1,
      2.5,
      1.0625,
      2.5625,
      1.125,
      2.625,
      1.1875,
      2.6875,
      1.25,
      2.75,
      1.3125,
      2.8125,
      1.375,
      2.875,
      1.4375,
      2.9375
    ],
    "SoftwareVersions": "27\\LX\\MR Software release:DV26.0_R01_1725.a",
    "SpacingBetweenSlices": 3.4,
    "StationName": "fmrif3tb",
    "TaskName": "Resting state with reverse blip.",
    "TotalReadoutTime": 0.026208,
    "TriggerDelayTime": 29938,
    "dataset": "ds004215",
    "modality": "bold",
    "session_id": "01",
    "subject_id": "ON41606",
    "task_id": "rest"
  },
  "dummy_trs": 1,
  "dvars_nstd": 9.11966598125,
  "dvars_std": 1.2356184187500001,
  "dvars_vstd": 1.34558253,
  "efc": 0.48199713897947627,
  "fber": 5005.5625,
  "fd_mean": 0.04498404481569648,
  "fd_num": 0,
  "fd_perc": 0.0,
  "fwhm_avg": 2.4450393573523157,
  "fwhm_x": 2.33728,
  "fwhm_y": 2.346306909090909,
  "fwhm_z": 2.651531162966038,
  "gcor": 0.012385,
  "gsr_x": 0.00704519497230649,
  "gsr_y": 0.04891764745116234,
  "provenance": {
    "md5sum": "cbf77d627e0cca68b13a4607c43bc06d",
    "settings": {
      "fd_thres": 0.2,
      "testing": false
    },
    "software": "mriqc",
    "version": "22.0.6",
    "webapi_port": null,
    "webapi_url": "https://mriqc.nimh.nih.gov/api/v1"
  },
  "size_t": 9,
  "size_x": 64,
  "size_y": 64,
  "size_z": 48,
  "snr": 4.937867293164379,
  "spacing_tr": 3.0,
  "spacing_x": 3.4375,
  "spacing_y": 3.4375,
  "spacing_z": 3.4000015258789062,
  "summary_bg_k": 19.000470845332398,
  "summary_bg_mad": 13.508152917975636,
  "summary_bg_mean": 158.74282836914062,
  "summary_bg_median": 36.77777862548828,
  "summary_bg_n": 131381.0,
  "summary_bg_p05": 23.66666603088379,
  "summary_bg_p95": 821.7777709960938,
  "summary_bg_stdv": 309.5393981933594,
  "summary_fg_k": 1.4372686414781564,
  "summary_fg_mad": 473.44418778831147,
  "summary_fg_mean": 2641.454833984375,
  "summary_fg_median": 2571.333251953125,
  "summary_fg_n": 27677.0,
  "summary_fg_p05": 1904.6666259765625,
  "summary_fg_p95": 3568.1777832031225,
  "summary_fg_stdv": 520.7282104492188,
  "tsnr": 211.01273726671934
}