{
  "aor": 0.0031253768844221107,
  "aqi": 0.0026313659648241204,
  "bids_meta": {
    "AcquisitionMatrixPE": 64,
    "AcquisitionNumber": 1,
    "AcquisitionTime": "14:56:20.000000",
    "BodyPartExamined": "BRAIN",
    "CoilString": "32Ch Head",
    "ConversionSoftware": "dcm2niix",
    "ConversionSoftwareVersion": "v1.0.20211006",
    "Dcm2bidsVersion": "2.1.6",
    "DeviceSerialNumber": "000301496MR3T6MR",
    "EchoTime": 0.0169,
    "EffectiveEchoSpacing": 0.000416,
    "FlipAngle": 90,
    "ImageOrientationPatientDICOM": [
      1,
      0,
      0,
      0,
      1,
      0
    ],
    "ImageType": [
      "ORIGINAL",
      "PRIMARY",
      "OTHER"
    ],
    "ImagingFrequency": 127.697,
    "InPlanePhaseEncodingDirectionDICOM": "COL",
    "InstitutionName": "NIH FMRIF",
    "InternalPulseSequenceName": "EPI",
    "MRAcquisitionType": "2D",
    "MagneticFieldStrength": 3,
    "Manufacturer": "GE",
    "ManufacturersModelName": "DISCOVERY MR750",
    "Modality": "MR",
    "PatientPosition": "HFS",
    "PercentPhaseFOV": 100,
    "PercentSampling": 100,
    "PhaseEncodingDirection": "j",
    "PhaseEncodingPolarityGE": "Flipped",
    "PixelBandwidth": 7812.5,
    "ProcedureStepDescription": "MRI Brain",
    "ProtocolName": "ADNI3 FMRIF Enhanced Pro",
    "PulseSequenceName": "epi",
    "ReconMatrixPE": 64,
    "RepetitionTime": 3,
    "SAR": 0.197186,
    "ScanOptions": "MP_GEMS\\EPI_GEMS\\PFF",
    "ScanningSequence": "EP\\GR",
    "SequenceVariant": "SS",
    "SeriesDescription": "Axial rsfMRI with Eyes Open - RKV",
    "SeriesNumber": 11,
    "SliceThickness": 3.4,
    "SliceTiming": [
      0,
      1.5,
      0.0625,
      1.5625,
      0.125,
      1.625,
      0.1875,
      1.6875,
      0.25,
      1.75,
      0.3125,
      1.8125,
      0.375,
      1.875,
      0.4375,
      1.9375,
      0.5,
      2,
      0.5625,
      2.0625,
      0.625,
      2.125,
      0.6875,
      2.1875,
      0.75,
      2.25,
      0.8125,
      2.3125,
      0.875,
      2.375,
      0.9375,
      2.4375,
      1,
      2.5,
      1.0625,
      2.5625,
      1.125,
      2.625,
      1.1875,
      2.6875,
      1.25,
      2.75,
      1.3125,
      2.8125,
      1.375,
      2.875,
      1.4375,
      2.9375
    ],
    "SoftwareVersions": "27\\LX\\MR Software release:DV26.0_R01_1725.a",
    "SpacingBetweenSlices": 3.4,
    "StationName": "fmrif3tb",
    "TaskName": "Resting state with eyes open.",
    "TotalReadoutTime": 0.026208,
    "TriggerDelayTime": 599938,
    "dataset": "ds004215",
    "modality": "bold",
    "session_id": "01",
    "subject_id": "ON22662",
    "task_id": "rest"
  },
  "dummy_trs": 1,
  "dvars_nstd": 12.167106806818177,
  "dvars_std": 1.20268859040404,
  "dvars_vstd": 0.9680139751515153,
  "efc": 0.5025538043593487,
  "fber": 3256.5771484375,
  "fd_mean": 0.12138585798977994,
  "fd_num": 35,
  "fd_perc": 17.587939698492463,
  "fwhm_avg": 2.708957868731634,
  "fwhm_x": 2.478245818181818,
  "fwhm_y": 2.6501585454545458,
  "fwhm_z": 2.998469242558539,
  "gcor": 0.0292429,
  "gsr_x": 0.010478274896740913,
  "gsr_y": 0.06356778740882874,
  "provenance": {
    "md5sum": "902353b73c6ed7e00580b14e99fc2a8f",
    "settings": {
      "fd_thres": 0.2,
      "testing": false
    },
    "software": "mriqc",
    "version": "22.0.6",
    "webapi_port": null,
    "webapi_url": "https://mriqc.nimh.nih.gov/api/v1"
  },
  "size_t": 199,
  "size_x": 64,
  "size_y": 64,
  "size_z": 48,
  "snr": 4.082556929920252,
  "spacing_tr": 3.0,
  "spacing_x": 3.4375,
  "spacing_y": 3.4375,
  "spacing_z": 3.4000015258789062,
  "summary_bg_k": 64.02218389703519,
  "summary_bg_mad": 23.896718339405815,
  "summary_bg_mean": 189.36874389648438,
  "summary_bg_median": 44.615577697753906,
  "summary_bg_n": 128008.0,
  "summary_bg_p05": 22.783920288085938,
  "summary_bg_p95": 865.556503295898,
  "summary_bg_stdv": 374.5365905761719,
  "summary_fg_k": 0.7712635666832868,
  "summary_fg_mad": 577.0339595194614,
  "summary_fg_mean": 2538.84619140625,
  "summary_fg_median": 2491.78369140625,
  "summary_fg_n": 29654.0,
  "summary_fg_p05": 1613.0580078125,
  "summary_fg_p95": 3586.945751953124,
  "summary_fg_stdv": 610.3385009765625,
  "tsnr": 123.60193767305464
}