{
  "aor": 0.0018996984924623118,
  "aqi": 0.003086646085427135,
  "bids_meta": {
    "AcquisitionMatrixPE": 64,
    "AcquisitionNumber": 1,
    "AcquisitionTime": "16:50:19.000000",
    "BodyPartExamined": "BRAIN",
    "CoilString": "32Ch Head",
    "ConversionSoftware": "dcm2niix",
    "ConversionSoftwareVersion": "v1.0.20211006",
    "Dcm2bidsVersion": "2.1.6",
    "DeviceSerialNumber": "000301496MR3T6MR",
    "EchoTime": 0.0169,
    "EffectiveEchoSpacing": 0.000416,
    "FlipAngle": 90,
    "ImageOrientationPatientDICOM": [
      1,
      0,
      0,
      0,
      1,
      0
    ],
    "ImageType": [
      "ORIGINAL",
      "PRIMARY",
      "OTHER"
    ],
    "ImagingFrequency": 127.697,
    "InPlanePhaseEncodingDirectionDICOM": "COL",
    "InstitutionName": "NIH FMRIF",
    "InternalPulseSequenceName": "EPI",
    "MRAcquisitionType": "2D",
    "MagneticFieldStrength": 3,
    "Manufacturer": "GE",
    "ManufacturersModelName": "DISCOVERY MR750",
    "Modality": "MR",
    "PatientPosition": "HFS",
    "PercentPhaseFOV": 100,
    "PercentSampling": 100,
    "PhaseEncodingDirection": "j",
    "PhaseEncodingPolarityGE": "Flipped",
    "PixelBandwidth": 7812.5,
    "ProcedureStepDescription": "MRI Brain",
    "ProtocolName": "ADNI3 FMRIF Enhanced Pro",
    "PulseSequenceName": "epi",
    "ReconMatrixPE": 64,
    "RepetitionTime": 3,
    "SAR": 0.150866,
    "ScanOptions": "MP_GEMS\\EPI_GEMS\\PFF",
    "ScanningSequence": "EP\\GR",
    "SequenceVariant": "SS",
    "SeriesDescription": "Axial rsfMRI with Eyes Open - RKV",
    "SeriesNumber": 10,
    "SliceThickness": 3.4,
    "SliceTiming": [
      0,
      1.5,
      0.0625,
      1.5625,
      0.125,
      1.625,
      0.1875,
      1.6875,
      0.25,
      1.75,
      0.3125,
      1.8125,
      0.375,
      1.875,
      0.4375,
      1.9375,
      0.5,
      2,
      0.5625,
      2.0625,
      0.625,
      2.125,
      0.6875,
      2.1875,
      0.75,
      2.25,
      0.8125,
      2.3125,
      0.875,
      2.375,
      0.9375,
      2.4375,
      1,
      2.5,
      1.0625,
      2.5625,
      1.125,
      2.625,
      1.1875,
      2.6875,
      1.25,
      2.75,
      1.3125,
      2.8125,
      1.375,
      2.875,
      1.4375,
      2.9375
    ],
    "SoftwareVersions": "27\\LX\\MR Software release:DV26.0_R01_1725.a",
    "SpacingBetweenSlices": 3.4,
    "StationName": "fmrif3tb",
    "TaskName": "Resting state with eyes open.",
    "TotalReadoutTime": 0.026208,
    "TriggerDelayTime": 599938,
    "dataset": "ds004215",
    "modality": "bold",
    "session_id": "01",
    "subject_id": "ON89475",
    "task_id": "rest"
  },
  "dummy_trs": 1,
  "dvars_nstd": 9.55014640656566,
  "dvars_std": 1.0380259480808078,
  "dvars_vstd": 0.9186920404545453,
  "efc": 0.4345473491037436,
  "fber": 5116.47607421875,
  "fd_mean": 0.04358645287399012,
  "fd_num": 3,
  "fd_perc": 1.5075376884422111,
  "fwhm_avg": 2.6294563859213076,
  "fwhm_x": 2.674676363636364,
  "fwhm_y": 2.447770181818182,
  "fwhm_z": 2.765922612309377,
  "gcor": 0.0158852,
  "gsr_x": -0.004783166106790304,
  "gsr_y": 0.031890157610177994,
  "provenance": {
    "md5sum": "d1604a80e0c85b3f298cce4716b47822",
    "settings": {
      "fd_thres": 0.2,
      "testing": false
    },
    "software": "mriqc",
    "version": "22.0.6",
    "webapi_port": null,
    "webapi_url": "https://mriqc.nimh.nih.gov/api/v1"
  },
  "size_t": 199,
  "size_x": 64,
  "size_y": 64,
  "size_z": 48,
  "snr": 4.614819456656784,
  "spacing_tr": 3.0,
  "spacing_x": 3.4375,
  "spacing_y": 3.4375,
  "spacing_z": 3.399993896484375,
  "summary_bg_k": 69.3361034899825,
  "summary_bg_mad": 11.398901507383163,
  "summary_bg_mean": 102.20223999023438,
  "summary_bg_median": 34.135677337646484,
  "summary_bg_n": 137774.0,
  "summary_bg_p05": 22.045225143432617,
  "summary_bg_p95": 426.4007583618162,
  "summary_bg_stdv": 210.09820556640625,
  "summary_fg_k": 1.4345949880217983,
  "summary_fg_mad": 442.0798754019297,
  "summary_fg_mean": 2465.443603515625,
  "summary_fg_median": 2398.17333984375,
  "summary_fg_n": 24302.0,
  "summary_fg_p05": 1710.9580383300781,
  "summary_fg_p95": 3420.509484863282,
  "summary_fg_stdv": 519.6571655273438,
  "tsnr": 105.5207950414624
}