{
  "aor": 0.03114375,
  "aqi": 0.0012518993750000001,
  "bids_meta": {
    "AcquisitionMatrixPE": 64,
    "AcquisitionNumber": 1,
    "AcquisitionTime": "17:01:6.000000",
    "BodyPartExamined": "BRAIN",
    "CoilString": "32Ch Head",
    "ConversionSoftware": "dcm2niix",
    "ConversionSoftwareVersion": "v1.0.20211006",
    "Dcm2bidsVersion": "2.1.6",
    "DeviceSerialNumber": "000301496MR3T6MR",
    "EchoTime": 0.0169,
    "EffectiveEchoSpacing": 0.000416,
    "FlipAngle": 90,
    "ImageOrientationPatientDICOM": [
      1,
      0,
      0,
      0,
      1,
      0
    ],
    "ImageType": [
      "ORIGINAL",
      "PRIMARY",
      "OTHER"
    ],
    "ImagingFrequency": 127.697,
    "InPlanePhaseEncodingDirectionDICOM": "COL",
    "InstitutionName": "NIH FMRIF",
    "InternalPulseSequenceName": "EPI",
    "MRAcquisitionType": "2D",
    "MagneticFieldStrength": 3,
    "Manufacturer": "GE",
    "ManufacturersModelName": "DISCOVERY MR750",
    "Modality": "MR",
    "PatientPosition": "HFS",
    "PercentPhaseFOV": 100,
    "PercentSampling": 100,
    "PhaseEncodingDirection": "j-",
    "PhaseEncodingPolarityGE": "Unflipped",
    "PixelBandwidth": 7812.5,
    "ProcedureStepDescription": "MRI Brain",
    "ProtocolName": "ADNI3 FMRIF Enhanced Pro",
    "PulseSequenceName": "epi",
    "ReconMatrixPE": 64,
    "RepetitionTime": 3,
    "SAR": 0.150434,
    "ScanOptions": "MP_GEMS\\EPI_GEMS\\PFF",
    "ScanningSequence": "EP\\GR",
    "SequenceVariant": "SS",
    "SeriesDescription": "Axial rsfMRI reverse blip - RKV",
    "SeriesNumber": 11,
    "SliceThickness": 3.4,
    "SliceTiming": [
      0,
      1.5,
      0.0625,
      1.5625,
      0.125,
      1.625,
      0.1875,
      1.6875,
      0.25,
      1.75,
      0.3125,
      1.8125,
      0.375,
      1.875,
      0.4375,
      1.9375,
      0.5,
      2,
      0.5625,
      2.0625,
      0.625,
      2.125,
      0.6875,
      2.1875,
      0.75,
      2.25,
      0.8125,
      2.3125,
      0.875,
      2.375,
      0.9375,
      2.4375,
      1,
      2.5,
      1.0625,
      2.5625,
      1.125,
      2.625,
      1.1875,
      2.6875,
      1.25,
      2.75,
      1.3125,
      2.8125,
      1.375,
      2.875,
      1.4375,
      2.9375
    ],
    "SoftwareVersions": "27\\LX\\MR Software release:DV26.0_R01_1725.a",
    "SpacingBetweenSlices": 3.4,
    "StationName": "fmrif3tb",
    "TaskName": "Resting state with reverse blip.",
    "TotalReadoutTime": 0.026208,
    "TriggerDelayTime": 29938,
    "dataset": "ds004215",
    "modality": "bold",
    "session_id": "01",
    "subject_id": "ON89475",
    "task_id": "rest"
  },
  "dummy_trs": 2,
  "dvars_nstd": 12.244470595714285,
  "dvars_std": 1.1596138314285713,
  "dvars_vstd": 1.1056712171428573,
  "efc": 0.439886357864067,
  "fber": 4983.49462890625,
  "fd_mean": 0.03499596042004395,
  "fd_num": 0,
  "fd_perc": 0.0,
  "fwhm_avg": 2.5868941492758317,
  "fwhm_x": 2.686461090909091,
  "fwhm_y": 2.3939665454545453,
  "fwhm_z": 2.680254811463859,
  "gcor": 0.017291,
  "gsr_x": -0.004109423141926527,
  "gsr_y": 0.036578599363565445,
  "provenance": {
    "md5sum": "8fb78cad5abca0ccf504d2d986c4a01a",
    "settings": {
      "fd_thres": 0.2,
      "testing": false
    },
    "software": "mriqc",
    "version": "22.0.6",
    "webapi_port": null,
    "webapi_url": "https://mriqc.nimh.nih.gov/api/v1"
  },
  "size_t": 8,
  "size_x": 64,
  "size_y": 64,
  "size_z": 48,
  "snr": 4.503424949799187,
  "spacing_tr": 3.0,
  "spacing_x": 3.4375,
  "spacing_y": 3.4375,
  "spacing_z": 3.399993896484375,
  "summary_bg_k": 63.37003962515088,
  "summary_bg_mad": 10.563540806852414,
  "summary_bg_mean": 101.00448608398438,
  "summary_bg_median": 33.75,
  "summary_bg_n": 136335.0,
  "summary_bg_p05": 24.0,
  "summary_bg_p95": 439.75,
  "summary_bg_stdv": 206.79263305664062,
  "summary_fg_k": 2.358482085332237,
  "summary_fg_mad": 422.44896963544,
  "summary_fg_mean": 2424.8134765625,
  "summary_fg_median": 2350.625,
  "summary_fg_n": 25208.0,
  "summary_fg_p05": 1677.79375,
  "summary_fg_p95": 3386.1624999999995,
  "summary_fg_stdv": 521.9534912109375,
  "tsnr": 191.4963144119829
}