{
  "bids_meta": {
    "AcquisitionMatrixPE": 256,
    "AcquisitionNumber": 1,
    "AcquisitionTime": "15:17:25.000000",
    "BodyPartExamined": "BRAIN",
    "CoilString": "32Ch Head",
    "ConversionSoftware": "dcm2niix",
    "ConversionSoftwareVersion": "v1.0.20211006",
    "Dcm2bidsVersion": "2.1.6",
    "DeviceSerialNumber": "000301496MR3T6MR",
    "EchoTime": 0.065685,
    "EchoTrainLength": 140,
    "FlipAngle": 90,
    "ImageOrientationPatientDICOM": [
      0,
      1,
      0,
      0,
      0,
      -1
    ],
    "ImageType": [
      "ORIGINAL",
      "PRIMARY",
      "OTHER"
    ],
    "ImagingFrequency": 127.696,
    "InPlanePhaseEncodingDirectionDICOM": "ROW",
    "InstitutionName": "NIH FMRIF",
    "MRAcquisitionType": "3D",
    "MagneticFieldStrength": 3,
    "Manufacturer": "GE",
    "ManufacturersModelName": "DISCOVERY MR750",
    "Modality": "MR",
    "ParallelReductionFactorInPlane": 2,
    "ParallelReductionOutOfPlane": 1.5,
    "PatientPosition": "HFS",
    "PercentPhaseFOV": 100,
    "PercentSampling": 100,
    "PhaseEncodingAxis": "i",
    "PixelBandwidth": 244.141,
    "ProcedureStepDescription": "MRI Brain",
    "ProtocolName": "ADNI3 FMRIF Enhanced Pro",
    "ReconMatrixPE": 256,
    "RepetitionTime": 3.202,
    "SAR": 0.455,
    "ScanOptions": "SAT_GEMS\\EDR_GEMS\\PROMO_GEMS\\ACC_GEMS\\FS\\FR_GEMS",
    "ScanningSequence": "RM",
    "SequenceVariant": "NONE",
    "SeriesDescription": "ORIG Anat T2w CUBE (ABCD)",
    "SeriesNumber": 40004,
    "SliceThickness": 1,
    "SoftwareVersions": "27\\LX\\MR Software release:DV26.0_R03_1831.b",
    "SpacingBetweenSlices": 1,
    "StationName": "FMRI3tb",
    "acq_id": "CUBE",
    "dataset": "ds004215",
    "modality": "T2w",
    "session_id": "01",
    "subject_id": "ON54886"
  },
  "cjv": 0.25442510835262083,
  "cnr": 4.57944936777957,
  "efc": 0.32993585157744015,
  "fber": -1.0,
  "fwhm_avg": 2.7731433333333335,
  "fwhm_x": 2.38431,
  "fwhm_y": 2.95999,
  "fwhm_z": 2.97513,
  "icvs_csf": 0.24895396968790953,
  "icvs_gm": 0.6967366702640033,
  "icvs_wm": 0.05430936004808716,
  "inu_med": 0.8461510539054871,
  "inu_range": 0.5694438815116882,
  "provenance": {
    "md5sum": "0eaeeca35fa59a4b5c8ab3638aa08a0e",
    "settings": {
      "testing": false
    },
    "software": "mriqc",
    "version": "22.0.6",
    "warnings": {
      "large_rot_frame": true,
      "small_air_mask": false
    },
    "webapi_port": null,
    "webapi_url": "https://mriqc.nimh.nih.gov/api/v1"
  },
  "qi_1": 5.281575901527281e-06,
  "qi_2": 0.017797638273941836,
  "rpve_csf": 28.250003184618716,
  "rpve_gm": 13.76073774529079,
  "rpve_wm": 150.31409441287346,
  "size_x": 204,
  "size_y": 256,
  "size_z": 256,
  "snr_csf": 6.132078809729083,
  "snr_gm": 8.198822725889471,
  "snr_total": 5.080346077962919,
  "snr_wm": 0.910136698270205,
  "snrd_csf": 109.482335255847,
  "snrd_gm": 36.83553181943656,
  "snrd_total": 50.384233178309785,
  "snrd_wm": 4.834832459645782,
  "spacing_x": 1.0,
  "spacing_y": 1.0,
  "spacing_z": 1.0,
  "summary_bg_k": 1.4698355144953412,
  "summary_bg_mad": 0.0,
  "summary_bg_mean": 101.94283240650552,
  "summary_bg_median": 0.0,
  "summary_bg_n": 3736883.0,
  "summary_bg_p05": 0.0,
  "summary_bg_p95": 365.9764870405197,
  "summary_bg_stdv": 135.65508476483782,
  "summary_csf_k": 3.672451332614089,
  "summary_csf_mad": 2565.3083020937956,
  "summary_csf_mean": 22482.24690000889,
  "summary_csf_median": 22669.83710473776,
  "summary_csf_n": 44514.0,
  "summary_csf_p05": 15554.532316443325,
  "summary_csf_p95": 27685.701546809076,
  "summary_csf_stdv": 3696.8837435976993,
  "summary_gm_k": 0.0636885316814455,
  "summary_gm_mad": 921.7521098402998,
  "summary_gm_mean": 7695.369962509659,
  "summary_gm_median": 7627.308132052422,
  "summary_gm_n": 364131.0,
  "summary_gm_p05": 6283.715555012226,
  "summary_gm_p95": 9346.949943482876,
  "summary_gm_stdv": 930.2918130743448,
  "summary_wm_k": 7.82948897271536,
  "summary_wm_mad": 764.1167355201766,
  "summary_wm_mean": 1328.4156843144278,
  "summary_wm_median": 1001.1191671490669,
  "summary_wm_n": 9025.0,
  "summary_wm_p05": 271.964178442955,
  "summary_wm_p95": 3527.028444218633,
  "summary_wm_stdv": 1099.9047767763147,
  "tpm_overlap_csf": 0.17268549324863175,
  "tpm_overlap_gm": 0.41288544922100995,
  "tpm_overlap_wm": 0.017116950168640618,
  "wm2max": 0.03529086856173436
}