{
  "bids_meta": {
    "AcquisitionMatrixPE": 256,
    "AcquisitionNumber": 1,
    "AcquisitionTime": "15:17:25.000000",
    "BodyPartExamined": "BRAIN",
    "CoilString": "32Ch Head",
    "ConversionSoftware": "dcm2niix",
    "ConversionSoftwareVersion": "v1.0.20211006",
    "Dcm2bidsVersion": "2.1.6",
    "DeviceSerialNumber": "000301496MR3T6MR",
    "EchoTime": 0.065685,
    "EchoTrainLength": 140,
    "FlipAngle": 90,
    "ImageOrientationPatientDICOM": [
      0,
      1,
      0,
      0,
      0,
      -1
    ],
    "ImageType": [
      "ORIGINAL",
      "PRIMARY",
      "OTHER"
    ],
    "ImagingFrequency": 127.696,
    "InPlanePhaseEncodingDirectionDICOM": "ROW",
    "InstitutionName": "NIH FMRIF",
    "MRAcquisitionType": "3D",
    "MagneticFieldStrength": 3,
    "Manufacturer": "GE",
    "ManufacturersModelName": "DISCOVERY MR750",
    "Modality": "MR",
    "ParallelReductionFactorInPlane": 2,
    "ParallelReductionOutOfPlane": 1.5,
    "PatientPosition": "HFS",
    "PercentPhaseFOV": 100,
    "PercentSampling": 100,
    "PhaseEncodingAxis": "i",
    "PixelBandwidth": 244.141,
    "ProcedureStepDescription": "MRI Brain",
    "ProtocolName": "ADNI3 FMRIF Enhanced Pro",
    "ReconMatrixPE": 256,
    "RepetitionTime": 3.202,
    "SAR": 0.455,
    "ScanOptions": "SAT_GEMS\\EDR_GEMS\\PROMO_GEMS\\FILTERED_GEMS\\ACC_GEMS\\FS\\FR_GEMS",
    "ScanningSequence": "RM",
    "SequenceVariant": "NONE",
    "SeriesDescription": "Anat T2w CUBE (ABCD)",
    "SeriesNumber": 4,
    "SliceThickness": 1,
    "SoftwareVersions": "27\\LX\\MR Software release:DV26.0_R03_1831.b",
    "SpacingBetweenSlices": 1,
    "StationName": "FMRI3tb",
    "acq_id": "CUBE",
    "dataset": "ds004215",
    "modality": "T2w",
    "rec_id": "SCIC",
    "session_id": "01",
    "subject_id": "ON54886"
  },
  "cjv": 0.2301616846716828,
  "cnr": 5.029377272915818,
  "efc": 0.4120148004853041,
  "fber": 6110.366166301231,
  "fwhm_avg": 2.4652766666666666,
  "fwhm_x": 2.08934,
  "fwhm_y": 2.75196,
  "fwhm_z": 2.55453,
  "icvs_csf": 0.24290326774922744,
  "icvs_gm": 0.7004985203636699,
  "icvs_wm": 0.05659821188710263,
  "inu_med": 0.679509699344635,
  "inu_range": 0.11933959722518916,
  "provenance": {
    "md5sum": "7d18832f92766a08355c074602a439c3",
    "settings": {
      "testing": false
    },
    "software": "mriqc",
    "version": "22.0.6",
    "warnings": {
      "large_rot_frame": true,
      "small_air_mask": false
    },
    "webapi_port": null,
    "webapi_url": "https://mriqc.nimh.nih.gov/api/v1"
  },
  "qi_1": 0.0,
  "qi_2": 0.013818041739462125,
  "rpve_csf": 29.379797217200114,
  "rpve_gm": 13.71894852474742,
  "rpve_wm": 144.42365165866528,
  "size_x": 204,
  "size_y": 256,
  "size_z": 256,
  "snr_csf": 7.126242549965409,
  "snr_gm": 8.479105288154305,
  "snr_total": 5.5018151678457725,
  "snr_wm": 0.9000976654176037,
  "snrd_csf": 126.42544040715003,
  "snrd_gm": 40.89657212144029,
  "snrd_total": 57.36506683519982,
  "snrd_wm": 4.773187977009108,
  "spacing_x": 1.0,
  "spacing_y": 1.0,
  "spacing_z": 1.0,
  "summary_bg_k": 4.743415841066189,
  "summary_bg_mad": 137.25342191477324,
  "summary_bg_mean": 92.80364819868163,
  "summary_bg_median": 92.57602626085281,
  "summary_bg_n": 2913642.0,
  "summary_bg_p05": 0.0,
  "summary_bg_p95": 279.5169875025749,
  "summary_bg_stdv": 95.06855458484873,
  "summary_csf_k": 5.895432324778421,
  "summary_csf_mad": 2343.917132699147,
  "summary_csf_mean": 25331.59269490942,
  "summary_csf_median": 26486.582508563995,
  "summary_csf_n": 44607.0,
  "summary_csf_p05": 17494.76699555516,
  "summary_csf_p95": 28708.407138824463,
  "summary_csf_stdv": 3716.7252493874134,
  "summary_gm_k": 0.05336196050091857,
  "summary_gm_mad": 1005.8620340324204,
  "summary_gm_mean": 8635.418915598686,
  "summary_gm_median": 8567.978314518929,
  "summary_gm_n": 368474.0,
  "summary_gm_p05": 7092.128620505333,
  "summary_gm_p95": 10407.423705875874,
  "summary_gm_stdv": 1010.4800444194478,
  "summary_wm_k": 7.796560921250071,
  "summary_wm_mad": 735.9966102676246,
  "summary_wm_mean": 1356.561935886265,
  "summary_wm_median": 999.999974489212,
  "summary_wm_n": 10148.0,
  "summary_wm_p05": 295.61716598272324,
  "summary_wm_p95": 3595.7736113101228,
  "summary_wm_stdv": 1110.935780530437,
  "tpm_overlap_csf": 0.1710762545124461,
  "tpm_overlap_gm": 0.41175296928006916,
  "tpm_overlap_wm": 0.01907852549687146,
  "wm2max": 0.03492113071997501
}