{
  "bids_meta": {
    "AcquisitionMatrixPE": 256,
    "AcquisitionNumber": 1,
    "AcquisitionTime": "15:17:24.000000",
    "BodyPartExamined": "BRAIN",
    "CoilString": "32Ch Head",
    "ConversionSoftware": "dcm2niix",
    "ConversionSoftwareVersion": "v1.0.20211006",
    "Dcm2bidsVersion": "2.1.6",
    "DeviceSerialNumber": "000301496MR3T6MR",
    "EchoTime": 0.003036,
    "FlipAngle": 11,
    "ImageOrientationPatientDICOM": [
      0,
      1,
      0,
      0,
      0,
      -1
    ],
    "ImageType": [
      "ORIGINAL",
      "PRIMARY",
      "OTHER"
    ],
    "ImagingFrequency": 127.697,
    "InPlanePhaseEncodingDirectionDICOM": "ROW",
    "InstitutionName": "NIH FMRIF",
    "InversionTime": 0.4,
    "MRAcquisitionType": "3D",
    "MagneticFieldStrength": 3,
    "Manufacturer": "GE",
    "ManufacturersModelName": "DISCOVERY MR750",
    "Modality": "MR",
    "ParallelReductionFactorInPlane": 1.72974,
    "PatientPosition": "HFS",
    "PercentPhaseFOV": 100,
    "PercentSampling": 100,
    "PixelBandwidth": 244.141,
    "ProcedureStepDescription": "MRI Brain",
    "ProtocolName": "ADNI3 FMRIF Enhanced Pro",
    "ReconMatrixPE": 256,
    "RepetitionTime": 0.007352,
    "SAR": 0.195261,
    "ScanOptions": "FAST_GEMS\\EDR_GEMS\\FILTERED_GEMS\\ACC_GEMS\\IR_GEMS",
    "ScanningSequence": "GR",
    "SequenceVariant": "SS\\SP\\SK",
    "SeriesDescription": "Accelerated Sagittal IR-FSPGR",
    "SeriesNumber": 3,
    "SliceThickness": 1,
    "SoftwareVersions": "27\\LX\\MR Software release:DV26.0_R01_1725.a",
    "SpacingBetweenSlices": 1,
    "SpoilingState": true,
    "StationName": "fmrif3tb",
    "acq_id": "FSPGR",
    "dataset": "ds004215",
    "modality": "T1w",
    "rec_id": "SCIC",
    "session_id": "01",
    "subject_id": "ON28693"
  },
  "cjv": 0.32803193650250584,
  "cnr": 4.095314814773334,
  "efc": 0.6149745929662697,
  "fber": -1.0,
  "fwhm_avg": 3.54404107131214,
  "fwhm_x": 3.60659,
  "fwhm_y": 3.669185491337914,
  "fwhm_z": 3.356347722598507,
  "icvs_csf": 0.23725021885086175,
  "icvs_gm": 0.4315978646594842,
  "icvs_wm": 0.3311519164896541,
  "inu_med": 0.5642412006855011,
  "inu_range": 0.11943685114383695,
  "provenance": {
    "md5sum": "008ca25efdfa1cdfbb46385847479965",
    "settings": {
      "testing": false
    },
    "software": "mriqc",
    "version": "22.0.6",
    "warnings": {
      "large_rot_frame": true,
      "small_air_mask": false
    },
    "webapi_port": null,
    "webapi_url": "https://mriqc.nimh.nih.gov/api/v1"
  },
  "qi_1": 0.0,
  "qi_2": 0.00314559630617763,
  "rpve_csf": 25.40830909333445,
  "rpve_gm": 14.45841857540563,
  "rpve_wm": 21.953172067862784,
  "size_x": 196,
  "size_y": 256,
  "size_z": 256,
  "snr_csf": 1.021331593974165,
  "snr_gm": 9.504742184607244,
  "snr_total": 10.921187848441932,
  "snr_wm": 22.237489766744385,
  "snrd_csf": 13.250746734251008,
  "snrd_gm": 41.919305434129946,
  "snrd_total": 39.59472870013435,
  "snrd_wm": 63.614133932022085,
  "spacing_x": 1.0,
  "spacing_y": 1.0547000169754028,
  "spacing_z": 1.0547000169754028,
  "summary_bg_k": 21.815091646301735,
  "summary_bg_mad": 0.0,
  "summary_bg_mean": 5.85818876224931,
  "summary_bg_median": 0.0,
  "summary_bg_n": 1156318.0,
  "summary_bg_p05": 0.0,
  "summary_bg_p95": 26.084853410720825,
  "summary_bg_stdv": 10.298598078862948,
  "summary_csf_k": 39.19763300342105,
  "summary_csf_mad": 81.29110391766267,
  "summary_csf_mean": 239.97730861006195,
  "summary_csf_median": 208.29878306388855,
  "summary_csf_n": 38221.0,
  "summary_csf_p05": 87.54836893081665,
  "summary_csf_p95": 429.2081243991852,
  "summary_csf_stdv": 203.94557394399723,
  "summary_gm_k": 0.16167090885504054,
  "summary_gm_mad": 67.9218675455707,
  "summary_gm_mean": 658.5390387183791,
  "summary_gm_median": 658.9621312618256,
  "summary_gm_n": 32424.0,
  "summary_gm_p05": 542.1900891423226,
  "summary_gm_p95": 771.0699942946434,
  "summary_gm_stdv": 69.32875787089576,
  "summary_wm_k": 0.3072402188104175,
  "summary_wm_mad": 43.94944370595751,
  "summary_wm_mean": 999.5819307319148,
  "summary_wm_median": 999.9999961853027,
  "summary_wm_n": 180462.0,
  "summary_wm_p05": 925.027636051178,
  "summary_wm_p95": 1072.104749917984,
  "summary_wm_stdv": 44.96897968270436,
  "tpm_overlap_csf": 0.15515846684344223,
  "tpm_overlap_gm": 0.44847862760903984,
  "tpm_overlap_wm": 0.4862710769168942,
  "wm2max": 0.5001295941112436
}