{
  "aor": 0.033528888888888886,
  "aqi": 0.0005769535555555556,
  "bids_meta": {
    "AcquisitionMatrixPE": 64,
    "AcquisitionNumber": 1,
    "AcquisitionTime": "16:26:46.000000",
    "BodyPartExamined": "BRAIN",
    "CoilString": "32Ch Head",
    "ConversionSoftware": "dcm2niix",
    "ConversionSoftwareVersion": "v1.0.20211006",
    "Dcm2bidsVersion": "2.1.6",
    "DeviceSerialNumber": "000301496MR3T6MR",
    "EchoTime": 0.0169,
    "EffectiveEchoSpacing": 0.000416,
    "FlipAngle": 90,
    "ImageOrientationPatientDICOM": [
      1,
      0,
      0,
      0,
      1,
      0
    ],
    "ImageType": [
      "ORIGINAL",
      "PRIMARY",
      "OTHER"
    ],
    "ImagingFrequency": 127.697,
    "InPlanePhaseEncodingDirectionDICOM": "COL",
    "InstitutionName": "NIH FMRIF",
    "InternalPulseSequenceName": "EPI",
    "MRAcquisitionType": "2D",
    "MagneticFieldStrength": 3,
    "Manufacturer": "GE",
    "ManufacturersModelName": "DISCOVERY MR750",
    "Modality": "MR",
    "PatientPosition": "HFS",
    "PercentPhaseFOV": 100,
    "PercentSampling": 100,
    "PhaseEncodingDirection": "j-",
    "PhaseEncodingPolarityGE": "Unflipped",
    "PixelBandwidth": 7812.5,
    "ProcedureStepDescription": "MRI Brain",
    "ProtocolName": "ADNI3 FMRIF Enhanced Pro",
    "PulseSequenceName": "epi",
    "ReconMatrixPE": 64,
    "RepetitionTime": 3,
    "SAR": 0.194032,
    "ScanOptions": "MP_GEMS\\EPI_GEMS\\PFF",
    "ScanningSequence": "EP\\GR",
    "SequenceVariant": "SS",
    "SeriesDescription": "Axial rsfMRI reverse blip - RKV",
    "SeriesNumber": 12,
    "SliceThickness": 3.4,
    "SliceTiming": [
      0,
      1.5,
      0.0625,
      1.5625,
      0.125,
      1.625,
      0.1875,
      1.6875,
      0.25,
      1.75,
      0.3125,
      1.8125,
      0.375,
      1.875,
      0.4375,
      1.9375,
      0.5,
      2,
      0.5625,
      2.0625,
      0.625,
      2.125,
      0.6875,
      2.1875,
      0.75,
      2.25,
      0.8125,
      2.3125,
      0.875,
      2.375,
      0.9375,
      2.4375,
      1,
      2.5,
      1.0625,
      2.5625,
      1.125,
      2.625,
      1.1875,
      2.6875,
      1.25,
      2.75,
      1.3125,
      2.8125,
      1.375,
      2.875,
      1.4375,
      2.9375
    ],
    "SoftwareVersions": "27\\LX\\MR Software release:DV26.0_R01_1725.a",
    "SpacingBetweenSlices": 3.4,
    "StationName": "fmrif3tb",
    "TaskName": "Resting state with reverse blip.",
    "TotalReadoutTime": 0.026208,
    "TriggerDelayTime": 29938,
    "dataset": "ds004215",
    "modality": "bold",
    "session_id": "01",
    "subject_id": "ON99299",
    "task_id": "rest"
  },
  "dummy_trs": 1,
  "dvars_nstd": 11.755100249999998,
  "dvars_std": 1.4203582537500001,
  "dvars_vstd": 1.36550813875,
  "efc": 0.49725689621636504,
  "fber": 4025.072265625,
  "fd_mean": 0.03429502107350981,
  "fd_num": 0,
  "fd_perc": 0.0,
  "fwhm_avg": 2.6719531151205076,
  "fwhm_x": 2.5269032727272727,
  "fwhm_y": 2.6003985454545453,
  "fwhm_z": 2.8885575271797057,
  "gcor": 0.00476621,
  "gsr_x": 0.0008369943243451416,
  "gsr_y": 0.04137647524476051,
  "provenance": {
    "md5sum": "587443d2e911827fd1cc0c70144ad4ec",
    "settings": {
      "fd_thres": 0.2,
      "testing": false
    },
    "software": "mriqc",
    "version": "22.0.6",
    "webapi_port": null,
    "webapi_url": "https://mriqc.nimh.nih.gov/api/v1"
  },
  "size_t": 9,
  "size_x": 64,
  "size_y": 64,
  "size_z": 48,
  "snr": 4.64809351472617,
  "spacing_tr": 3.0,
  "spacing_x": 3.4375,
  "spacing_y": 3.4375,
  "spacing_z": 3.4000015258789062,
  "summary_bg_k": 12.354901956428751,
  "summary_bg_mad": 15.484953990756896,
  "summary_bg_mean": 175.4633026123047,
  "summary_bg_median": 38.66666793823242,
  "summary_bg_n": 130980.0,
  "summary_bg_p05": 23.66666603088379,
  "summary_bg_p95": 903.783328247069,
  "summary_bg_stdv": 330.3755187988281,
  "summary_fg_k": 0.6412118703537666,
  "summary_fg_mad": 464.1368410730908,
  "summary_fg_mean": 2489.33251953125,
  "summary_fg_median": 2437.72216796875,
  "summary_fg_n": 27742.0,
  "summary_fg_p05": 1680.7889404296875,
  "summary_fg_p95": 3424.5556640625,
  "summary_fg_stdv": 524.4468994140625,
  "tsnr": 200.02909794822335
}