{
  "aor": 0.0033176381909547736,
  "aqi": 0.002233345879396985,
  "bids_meta": {
    "AcquisitionMatrixPE": 64,
    "AcquisitionNumber": 1,
    "AcquisitionTime": "16:01:24.000000",
    "BodyPartExamined": "BRAIN",
    "CoilString": "32Ch Head",
    "ConversionSoftware": "dcm2niix",
    "ConversionSoftwareVersion": "v1.0.20211006",
    "Dcm2bidsVersion": "2.1.6",
    "DeviceSerialNumber": "000301496MR3T6MR",
    "EchoTime": 0.0169,
    "EffectiveEchoSpacing": 0.000416,
    "FlipAngle": 90,
    "ImageOrientationPatientDICOM": [
      1,
      0,
      0,
      0,
      1,
      0
    ],
    "ImageType": [
      "ORIGINAL",
      "PRIMARY",
      "OTHER"
    ],
    "ImagingFrequency": 127.696,
    "InPlanePhaseEncodingDirectionDICOM": "COL",
    "InstitutionName": "NIH FMRIF",
    "InternalPulseSequenceName": "EPI",
    "MRAcquisitionType": "2D",
    "MagneticFieldStrength": 3,
    "Manufacturer": "GE",
    "ManufacturersModelName": "DISCOVERY MR750",
    "Modality": "MR",
    "PatientPosition": "HFS",
    "PercentPhaseFOV": 100,
    "PercentSampling": 100,
    "PhaseEncodingDirection": "j",
    "PhaseEncodingPolarityGE": "Flipped",
    "PixelBandwidth": 7812.5,
    "ProcedureStepDescription": "MRI Brain",
    "ProtocolName": "ADNI3 FMRIF Enhanced Pro",
    "PulseSequenceName": "epi",
    "ReconMatrixPE": 64,
    "RepetitionTime": 3,
    "SAR": 0.194716,
    "ScanOptions": "MP_GEMS\\EPI_GEMS\\PFF",
    "ScanningSequence": "EP\\GR",
    "SequenceVariant": "SS",
    "SeriesDescription": "Axial rsfMRI with Eyes Open - RKV",
    "SeriesNumber": 10,
    "SliceThickness": 3.4,
    "SliceTiming": [
      0,
      1.5,
      0.0625,
      1.5625,
      0.125,
      1.625,
      0.1875,
      1.6875,
      0.25,
      1.75,
      0.3125,
      1.8125,
      0.375,
      1.875,
      0.4375,
      1.9375,
      0.5,
      2,
      0.5625,
      2.0625,
      0.625,
      2.125,
      0.6875,
      2.1875,
      0.75,
      2.25,
      0.8125,
      2.3125,
      0.875,
      2.375,
      0.9375,
      2.4375,
      1,
      2.5,
      1.0625,
      2.5625,
      1.125,
      2.625,
      1.1875,
      2.6875,
      1.25,
      2.75,
      1.3125,
      2.8125,
      1.375,
      2.875,
      1.4375,
      2.9375
    ],
    "SoftwareVersions": "27\\LX\\MR Software release:DV26.0_R03_1831.b",
    "SpacingBetweenSlices": 3.4,
    "StationName": "FMRI3tb",
    "TaskName": "Resting state with eyes open.",
    "TotalReadoutTime": 0.026208,
    "TriggerDelayTime": 599938,
    "dataset": "ds004215",
    "modality": "bold",
    "session_id": "01",
    "subject_id": "ON91906",
    "task_id": "rest"
  },
  "dummy_trs": 1,
  "dvars_nstd": 11.711770267222228,
  "dvars_std": 1.214822906414142,
  "dvars_vstd": 0.9631285070202025,
  "efc": 0.48151352394810343,
  "fber": 3809.306884765625,
  "fd_mean": 0.05821042608364907,
  "fd_num": 2,
  "fd_perc": 1.0050251256281406,
  "fwhm_avg": 2.7188312420165937,
  "fwhm_x": 2.5619985454545455,
  "fwhm_y": 2.5771141818181817,
  "fwhm_z": 3.0173809987770537,
  "gcor": 0.0420077,
  "gsr_x": -0.012305455282330513,
  "gsr_y": 0.03743680566549301,
  "provenance": {
    "md5sum": "3c573162ed169dbdc72314a4c3280dd8",
    "settings": {
      "fd_thres": 0.2,
      "testing": false
    },
    "software": "mriqc",
    "version": "22.0.6",
    "webapi_port": null,
    "webapi_url": "https://mriqc.nimh.nih.gov/api/v1"
  },
  "size_t": 199,
  "size_x": 64,
  "size_y": 64,
  "size_z": 48,
  "snr": 4.159732168947057,
  "spacing_tr": 3.0,
  "spacing_x": 3.4375,
  "spacing_y": 3.4375,
  "spacing_z": 3.4000015258789062,
  "summary_bg_k": 18.254565571556586,
  "summary_bg_mad": 20.92406254580098,
  "summary_bg_mean": 172.5724639892578,
  "summary_bg_median": 40.91205978393555,
  "summary_bg_n": 133338.0,
  "summary_bg_p05": 20.371858596801758,
  "summary_bg_p95": 874.0633148193358,
  "summary_bg_stdv": 329.9060363769531,
  "summary_fg_k": 0.9490419962396852,
  "summary_fg_mad": 561.8986395815458,
  "summary_fg_mean": 2570.7724609375,
  "summary_fg_median": 2503.924560546875,
  "summary_fg_n": 26295.0,
  "summary_fg_p05": 1706.4326049804688,
  "summary_fg_p95": 3627.4968505859374,
  "summary_fg_stdv": 601.9322509765625,
  "tsnr": 110.46916513470933
}