{
  "bids_meta": {
    "AcquisitionMatrixPE": 256,
    "AcquisitionNumber": 1,
    "AcquisitionTime": "16:12:17.000000",
    "BodyPartExamined": "BRAIN",
    "CoilString": "32Ch Head",
    "ConversionSoftware": "dcm2niix",
    "ConversionSoftwareVersion": "v1.0.20211006",
    "Dcm2bidsVersion": "2.1.6",
    "DeviceSerialNumber": "000301496MR3T6MR",
    "EchoTime": 0.003036,
    "FlipAngle": 11,
    "ImageOrientationPatientDICOM": [
      0,
      1,
      0,
      0,
      0,
      -1
    ],
    "ImageType": [
      "ORIGINAL",
      "PRIMARY",
      "OTHER"
    ],
    "ImagingFrequency": 127.697,
    "InPlanePhaseEncodingDirectionDICOM": "ROW",
    "InstitutionName": "NIH FMRIF",
    "InversionTime": 0.4,
    "MRAcquisitionType": "3D",
    "MagneticFieldStrength": 3,
    "Manufacturer": "GE",
    "ManufacturersModelName": "DISCOVERY MR750",
    "Modality": "MR",
    "ParallelReductionFactorInPlane": 1.72974,
    "PatientPosition": "HFS",
    "PercentPhaseFOV": 100,
    "PercentSampling": 100,
    "PixelBandwidth": 244.141,
    "ProcedureStepDescription": "MRI Brain",
    "ProtocolName": "ADNI3 FMRIF Enhanced Pro",
    "ReconMatrixPE": 256,
    "RepetitionTime": 0.007348,
    "SAR": 0.33586,
    "ScanOptions": "FAST_GEMS\\EDR_GEMS\\FILTERED_GEMS\\ACC_GEMS\\IR_GEMS",
    "ScanningSequence": "GR",
    "SequenceVariant": "SS\\SP\\SK",
    "SeriesDescription": "Accelerated Sagittal IR-FSPGR",
    "SeriesNumber": 3,
    "SliceThickness": 1.2,
    "SoftwareVersions": "27\\LX\\MR Software release:DV26.0_R01_1725.a",
    "SpacingBetweenSlices": 1.2,
    "SpoilingState": true,
    "StationName": "fmrif3tb",
    "acq_id": "FSPGR",
    "dataset": "ds004215",
    "modality": "T1w",
    "rec_id": "SCIC",
    "session_id": "01",
    "subject_id": "ON96522"
  },
  "cjv": 0.2893285111475479,
  "cnr": 4.695441294179302,
  "efc": 0.5437953093010987,
  "fber": -1.0,
  "fwhm_avg": 3.3226142588997405,
  "fwhm_x": 3.1508996798189286,
  "fwhm_y": 3.6250402374736717,
  "fwhm_z": 3.1919028594066208,
  "icvs_csf": 0.17577082519221918,
  "icvs_gm": 0.48341186017590526,
  "icvs_wm": 0.34081731463187553,
  "inu_med": 0.494539275765419,
  "inu_range": 0.0985368728637695,
  "provenance": {
    "md5sum": "06d7757ce51a151deb3a32a90ebd5764",
    "settings": {
      "testing": false
    },
    "software": "mriqc",
    "version": "22.0.6",
    "warnings": {
      "large_rot_frame": true,
      "small_air_mask": false
    },
    "webapi_port": null,
    "webapi_url": "https://mriqc.nimh.nih.gov/api/v1"
  },
  "qi_1": 0.0,
  "qi_2": 0.0014768891179773307,
  "rpve_csf": 39.68191509501302,
  "rpve_gm": 16.36675917312861,
  "rpve_wm": 25.44191759822415,
  "size_x": 196,
  "size_y": 256,
  "size_z": 256,
  "snr_csf": 0.9387580393549715,
  "snr_gm": 9.951810445771658,
  "snr_total": 11.371181876872166,
  "snr_wm": 23.222977145489867,
  "snrd_csf": 10.688272789005747,
  "snrd_gm": 31.90290939154905,
  "snrd_total": 30.974023156703378,
  "snrd_wm": 50.330887289555335,
  "spacing_x": 1.1999969482421875,
  "spacing_y": 1.0547000169754028,
  "spacing_z": 1.0547000169754028,
  "summary_bg_k": 26.027154610830422,
  "summary_bg_mad": 0.0,
  "summary_bg_mean": 7.6807627248260815,
  "summary_bg_median": 0.0,
  "summary_bg_n": 1395583.0,
  "summary_bg_p05": 0.0,
  "summary_bg_p95": 31.851750165224075,
  "summary_bg_stdv": 13.016587123380903,
  "summary_csf_k": 29.7061189121113,
  "summary_csf_mad": 129.008086226976,
  "summary_csf_mean": 239.6337064550917,
  "summary_csf_median": 212.36010387539864,
  "summary_csf_n": 12032.0,
  "summary_csf_p05": 41.50695352256299,
  "summary_csf_p95": 476.6752602607009,
  "summary_csf_stdv": 226.20448505888663,
  "summary_gm_k": -0.037990963841580516,
  "summary_gm_mad": 64.89029486865857,
  "summary_gm_mean": 633.973864670881,
  "summary_gm_median": 633.8634207844734,
  "summary_gm_n": 60111.0,
  "summary_gm_p05": 529.8808224499226,
  "summary_gm_p95": 737.2343567758799,
  "summary_gm_stdv": 63.6927473423394,
  "summary_wm_k": 0.336122138151596,
  "summary_wm_mad": 41.043447375518,
  "summary_wm_mean": 999.709390797187,
  "summary_wm_median": 999.9999685585499,
  "summary_wm_n": 137356.0,
  "summary_wm_p05": 928.0956619977951,
  "summary_wm_p95": 1070.2278672158718,
  "summary_wm_stdv": 43.060643005040156,
  "tpm_overlap_csf": 0.13284456839905698,
  "tpm_overlap_gm": 0.4913998694941937,
  "tpm_overlap_wm": 0.4964527621657163,
  "wm2max": 0.4116418300165992
}