{
  "bids_meta": {
    "AcquisitionMatrixPE": 256,
    "AcquisitionNumber": 1,
    "AcquisitionTime": "16:18:16.000000",
    "BodyPartExamined": "BRAIN",
    "CoilString": "32Ch Head",
    "ConversionSoftware": "dcm2niix",
    "ConversionSoftwareVersion": "v1.0.20211006",
    "Dcm2bidsVersion": "2.1.6",
    "DeviceSerialNumber": "000301496MR3T6MR",
    "EchoTime": 0.060243,
    "EchoTrainLength": 140,
    "FlipAngle": 90,
    "ImageOrientationPatientDICOM": [
      0,
      1,
      0,
      0,
      0,
      -1
    ],
    "ImageType": [
      "ORIGINAL",
      "PRIMARY",
      "OTHER"
    ],
    "ImagingFrequency": 127.697,
    "InPlanePhaseEncodingDirectionDICOM": "ROW",
    "InstitutionName": "NIH FMRIF",
    "MRAcquisitionType": "3D",
    "MagneticFieldStrength": 3,
    "Manufacturer": "GE",
    "ManufacturersModelName": "DISCOVERY MR750",
    "Modality": "MR",
    "ParallelReductionFactorInPlane": 2,
    "ParallelReductionOutOfPlane": 1.5,
    "PatientPosition": "HFS",
    "PercentPhaseFOV": 100,
    "PercentSampling": 100,
    "PhaseEncodingAxis": "i",
    "PixelBandwidth": 244.141,
    "ProcedureStepDescription": "MRI Brain",
    "ProtocolName": "ADNI3 FMRIF Enhanced Pro",
    "ReconMatrixPE": 256,
    "RepetitionTime": 3.202,
    "SAR": 0.4805,
    "ScanOptions": "SAT_GEMS\\EDR_GEMS\\PROMO_GEMS\\ACC_GEMS\\FS\\FR_GEMS",
    "ScanningSequence": "RM",
    "SequenceVariant": "NONE",
    "SeriesDescription": "Sag_CUBE_T2",
    "SeriesNumber": 4,
    "SliceThickness": 1,
    "SoftwareVersions": "27\\LX\\MR Software release:DV26.0_R01_1725.a",
    "SpacingBetweenSlices": 1,
    "StationName": "fmrif3tb",
    "acq_id": "CUBE",
    "dataset": "ds004215",
    "modality": "T2w",
    "session_id": "01",
    "subject_id": "ON96522"
  },
  "cjv": 0.35048964579734937,
  "cnr": 0.7705782713588449,
  "efc": 0.41453836035266056,
  "fber": 10090.803491854775,
  "fwhm_avg": 2.793483333333333,
  "fwhm_x": 2.4151,
  "fwhm_y": 3.09051,
  "fwhm_z": 2.87484,
  "icvs_csf": 0.4151693420496907,
  "icvs_gm": 0.436064618647886,
  "icvs_wm": 0.14876603930242335,
  "inu_med": 0.9559507369995117,
  "inu_range": 0.734848827123642,
  "provenance": {
    "md5sum": "d18632c8c1099f89194ee3f56a9fe17e",
    "settings": {
      "testing": false
    },
    "software": "mriqc",
    "version": "22.0.6",
    "warnings": {
      "large_rot_frame": true,
      "small_air_mask": false
    },
    "webapi_port": null,
    "webapi_url": "https://mriqc.nimh.nih.gov/api/v1"
  },
  "qi_1": 0.0,
  "qi_2": 0.005176310901750492,
  "rpve_csf": 14.912754350830678,
  "rpve_gm": 14.393182919723134,
  "rpve_wm": 46.328296803446875,
  "size_x": 204,
  "size_y": 256,
  "size_z": 256,
  "snr_csf": 14.671150250962505,
  "snr_gm": 15.037504802558813,
  "snr_total": 9.967115983451599,
  "snr_wm": 0.1926928968334802,
  "snrd_csf": 84.22445153073946,
  "snrd_gm": 59.44318713697602,
  "snrd_total": 51.84625334022659,
  "snrd_wm": 11.871121352964273,
  "spacing_x": 1.0,
  "spacing_y": 1.0,
  "spacing_z": 1.0,
  "summary_bg_k": 125.6279687416484,
  "summary_bg_mad": 55.26153553929019,
  "summary_bg_mean": 37.998733754573074,
  "summary_bg_median": 37.27333930134773,
  "summary_bg_n": 4233214.0,
  "summary_bg_p05": 0.0,
  "summary_bg_p95": 120.88650584220886,
  "summary_bg_stdv": 53.509448066101996,
  "summary_csf_k": 0.6478829482954747,
  "summary_csf_mad": 455.5342794455002,
  "summary_csf_mean": 7125.241165964618,
  "summary_csf_median": 7104.4327891767025,
  "summary_csf_n": 78147.0,
  "summary_csf_p05": 6370.819596639276,
  "summary_csf_p95": 7946.608779877424,
  "summary_csf_stdv": 484.242013198361,
  "summary_gm_k": 0.046809451220643616,
  "summary_gm_mad": 335.0541749364171,
  "summary_gm_mean": 5014.597954194804,
  "summary_gm_median": 5014.103625655174,
  "summary_gm_n": 143494.0,
  "summary_gm_p05": 4468.099574267864,
  "summary_gm_p95": 5559.100289493799,
  "summary_gm_stdv": 333.4387067525107,
  "summary_wm_k": 0.2896021703791214,
  "summary_wm_mad": 1071.3767971220946,
  "summary_wm_mean": 3812.6979554875566,
  "summary_wm_median": 1001.3432233929634,
  "summary_wm_n": 36593.0,
  "summary_wm_p05": 161.5178036391735,
  "summary_wm_p95": 15565.145014733076,
  "summary_wm_stdv": 5196.504684839356,
  "tpm_overlap_csf": 0.10350120253261128,
  "tpm_overlap_gm": 0.2889095278280428,
  "tpm_overlap_wm": 0.020012871276190006,
  "wm2max": 0.06902727605173865
}