{
  "aor": 0.03196666666666667,
  "aqi": 0.0015008313333333334,
  "bids_meta": {
    "AcquisitionMatrixPE": 64,
    "AcquisitionNumber": 1,
    "AcquisitionTime": "16:05:35.000000",
    "BodyPartExamined": "BRAIN",
    "CoilString": "32Ch Head",
    "ConversionSoftware": "dcm2niix",
    "ConversionSoftwareVersion": "v1.0.20211006",
    "Dcm2bidsVersion": "2.1.6",
    "DeviceSerialNumber": "000301496MR3T6MR",
    "EchoTime": 0.0169,
    "EffectiveEchoSpacing": 0.000416,
    "FlipAngle": 90,
    "ImageOrientationPatientDICOM": [
      1,
      0,
      0,
      0,
      1,
      0
    ],
    "ImageType": [
      "ORIGINAL",
      "PRIMARY",
      "OTHER"
    ],
    "ImagingFrequency": 127.697,
    "InPlanePhaseEncodingDirectionDICOM": "COL",
    "InstitutionName": "NIH FMRIF",
    "InternalPulseSequenceName": "EPI",
    "MRAcquisitionType": "2D",
    "MagneticFieldStrength": 3,
    "Manufacturer": "GE",
    "ManufacturersModelName": "DISCOVERY MR750",
    "Modality": "MR",
    "PatientPosition": "HFS",
    "PercentPhaseFOV": 100,
    "PercentSampling": 100,
    "PhaseEncodingDirection": "j-",
    "PhaseEncodingPolarityGE": "Unflipped",
    "PixelBandwidth": 7812.5,
    "ProcedureStepDescription": "MRI Brain",
    "ProtocolName": "ADNI3 FMRIF Enhanced Pro",
    "PulseSequenceName": "epi",
    "ReconMatrixPE": 64,
    "RepetitionTime": 3,
    "SAR": 0.197377,
    "ScanOptions": "MP_GEMS\\EPI_GEMS\\PFF",
    "ScanningSequence": "EP\\GR",
    "SequenceVariant": "SS",
    "SeriesDescription": "Axial rsfMRI reverse blip - RKV",
    "SeriesNumber": 11,
    "SliceThickness": 3.4,
    "SliceTiming": [
      0,
      1.5,
      0.0625,
      1.5625,
      0.125,
      1.625,
      0.1875,
      1.6875,
      0.25,
      1.75,
      0.3125,
      1.8125,
      0.375,
      1.875,
      0.4375,
      1.9375,
      0.5,
      2,
      0.5625,
      2.0625,
      0.625,
      2.125,
      0.6875,
      2.1875,
      0.75,
      2.25,
      0.8125,
      2.3125,
      0.875,
      2.375,
      0.9375,
      2.4375,
      1,
      2.5,
      1.0625,
      2.5625,
      1.125,
      2.625,
      1.1875,
      2.6875,
      1.25,
      2.75,
      1.3125,
      2.8125,
      1.375,
      2.875,
      1.4375,
      2.9375
    ],
    "SoftwareVersions": "27\\LX\\MR Software release:DV26.0_R03_1831.b",
    "SpacingBetweenSlices": 3.4,
    "StationName": "FMRI3tb",
    "TaskName": "Resting state with reverse blip.",
    "TotalReadoutTime": 0.026208,
    "TriggerDelayTime": 29938,
    "dataset": "ds004215",
    "modality": "bold",
    "session_id": "01",
    "subject_id": "ON81734",
    "task_id": "rest"
  },
  "dummy_trs": 1,
  "dvars_nstd": 13.179937479999998,
  "dvars_std": 1.14765540625,
  "dvars_vstd": 1.2211575225,
  "efc": 0.5060263373601638,
  "fber": 3771.028076171875,
  "fd_mean": 0.1367232504505385,
  "fd_num": 2,
  "fd_perc": 22.22222222222222,
  "fwhm_avg": 2.8186688909782447,
  "fwhm_x": 2.7438574545454544,
  "fwhm_y": 2.755150545454545,
  "fwhm_z": 2.956998672934735,
  "gcor": 0.0911096,
  "gsr_x": 0.012342240661382675,
  "gsr_y": 0.05381152778863907,
  "provenance": {
    "md5sum": "aa910cb79eb56f0b57469cffb3b9b9e2",
    "settings": {
      "fd_thres": 0.2,
      "testing": false
    },
    "software": "mriqc",
    "version": "22.0.6",
    "webapi_port": null,
    "webapi_url": "https://mriqc.nimh.nih.gov/api/v1"
  },
  "size_t": 9,
  "size_x": 64,
  "size_y": 64,
  "size_z": 48,
  "snr": 4.128234922005276,
  "spacing_tr": 3.0,
  "spacing_x": 3.4375,
  "spacing_y": 3.4375,
  "spacing_z": 3.4000015258789062,
  "summary_bg_k": 15.10439589874159,
  "summary_bg_mad": 16.638093134251374,
  "summary_bg_mean": 178.224365234375,
  "summary_bg_median": 39.88888931274414,
  "summary_bg_n": 127209.0,
  "summary_bg_p05": 23.44444465637207,
  "summary_bg_p95": 937.1777954101552,
  "summary_bg_stdv": 344.334716796875,
  "summary_fg_k": 0.2993309240353734,
  "summary_fg_mad": 538.843740727665,
  "summary_fg_mean": 2488.163818359375,
  "summary_fg_median": 2409.5556640625,
  "summary_fg_n": 31144.0,
  "summary_fg_p05": 1635.0333435058594,
  "summary_fg_p95": 3580.172180175781,
  "summary_fg_stdv": 583.6676025390625,
  "tsnr": 132.17597636580467
}