{
  "aor": 0.01128778894472362,
  "aqi": 0.0035253148241206032,
  "bids_meta": {
    "AcquisitionMatrixPE": 64,
    "AcquisitionNumber": 1,
    "AcquisitionTime": "15:54:43.000000",
    "BodyPartExamined": "BRAIN",
    "CoilString": "32Ch Head",
    "ConversionSoftware": "dcm2niix",
    "ConversionSoftwareVersion": "v1.0.20211006",
    "Dcm2bidsVersion": "2.1.6",
    "DeviceSerialNumber": "000301496MR3T6MR",
    "EchoTime": 0.0169,
    "EffectiveEchoSpacing": 0.000416,
    "FlipAngle": 90,
    "ImageOrientationPatientDICOM": [
      1,
      0,
      0,
      0,
      1,
      0
    ],
    "ImageType": [
      "ORIGINAL",
      "PRIMARY",
      "OTHER"
    ],
    "ImagingFrequency": 127.697,
    "InPlanePhaseEncodingDirectionDICOM": "COL",
    "InstitutionName": "NIH FMRIF",
    "InternalPulseSequenceName": "EPI",
    "MRAcquisitionType": "2D",
    "MagneticFieldStrength": 3,
    "Manufacturer": "GE",
    "ManufacturersModelName": "DISCOVERY MR750",
    "Modality": "MR",
    "PatientPosition": "HFS",
    "PercentPhaseFOV": 100,
    "PercentSampling": 100,
    "PhaseEncodingDirection": "j",
    "PhaseEncodingPolarityGE": "Flipped",
    "PixelBandwidth": 7812.5,
    "ProcedureStepDescription": "MRI Brain",
    "ProtocolName": "ADNI3 FMRIF Enhanced Pro",
    "PulseSequenceName": "epi",
    "ReconMatrixPE": 64,
    "RepetitionTime": 3,
    "SAR": 0.196504,
    "ScanOptions": "MP_GEMS\\EPI_GEMS\\PFF",
    "ScanningSequence": "EP\\GR",
    "SequenceVariant": "SS",
    "SeriesDescription": "Axial rsfMRI with Eyes Open - RKV",
    "SeriesNumber": 10,
    "SliceThickness": 3.4,
    "SliceTiming": [
      0,
      1.5,
      0.0625,
      1.5625,
      0.125,
      1.625,
      0.1875,
      1.6875,
      0.25,
      1.75,
      0.3125,
      1.8125,
      0.375,
      1.875,
      0.4375,
      1.9375,
      0.5,
      2,
      0.5625,
      2.0625,
      0.625,
      2.125,
      0.6875,
      2.1875,
      0.75,
      2.25,
      0.8125,
      2.3125,
      0.875,
      2.375,
      0.9375,
      2.4375,
      1,
      2.5,
      1.0625,
      2.5625,
      1.125,
      2.625,
      1.1875,
      2.6875,
      1.25,
      2.75,
      1.3125,
      2.8125,
      1.375,
      2.875,
      1.4375,
      2.9375
    ],
    "SoftwareVersions": "27\\LX\\MR Software release:DV26.0_R03_1831.b",
    "SpacingBetweenSlices": 3.4,
    "StationName": "FMRI3tb",
    "TaskName": "Resting state with eyes open.",
    "TotalReadoutTime": 0.026208,
    "TriggerDelayTime": 599938,
    "dataset": "ds004215",
    "modality": "bold",
    "session_id": "01",
    "subject_id": "ON81734",
    "task_id": "rest"
  },
  "dummy_trs": 1,
  "dvars_nstd": 23.984029254494917,
  "dvars_std": 1.2157906749999998,
  "dvars_vstd": 1.0633107788383847,
  "efc": 0.49810866578777985,
  "fber": 3719.54541015625,
  "fd_mean": 0.27967287211186925,
  "fd_num": 91,
  "fd_perc": 45.7286432160804,
  "fwhm_avg": 2.848037151277838,
  "fwhm_x": 2.7915927272727274,
  "fwhm_y": 2.5813730909090906,
  "fwhm_z": 3.171145635651696,
  "gcor": 0.0833865,
  "gsr_x": 0.007616287562996149,
  "gsr_y": 0.05010849982500076,
  "provenance": {
    "md5sum": "e2ef170b7b060413879a9b48b3868ed2",
    "settings": {
      "fd_thres": 0.2,
      "testing": false
    },
    "software": "mriqc",
    "version": "22.0.6",
    "webapi_port": null,
    "webapi_url": "https://mriqc.nimh.nih.gov/api/v1"
  },
  "size_t": 199,
  "size_x": 64,
  "size_y": 64,
  "size_z": 48,
  "snr": 3.675779541865615,
  "spacing_tr": 3.0,
  "spacing_x": 3.4375,
  "spacing_y": 3.4375,
  "spacing_z": 3.4000015258789062,
  "summary_bg_k": 15.686555559204347,
  "summary_bg_mad": 19.09502173287948,
  "summary_bg_mean": 187.51547241210938,
  "summary_bg_median": 41.02009963989258,
  "summary_bg_n": 129343.0,
  "summary_bg_p05": 21.40703582763672,
  "summary_bg_p95": 978.9974670410152,
  "summary_bg_stdv": 361.56280517578125,
  "summary_fg_k": 1.141276109941101,
  "summary_fg_mad": 573.23062875507,
  "summary_fg_mean": 2527.93310546875,
  "summary_fg_median": 2424.010009765625,
  "summary_fg_n": 30109.0,
  "summary_fg_p05": 1607.7959716796875,
  "summary_fg_p95": 3752.994873046875,
  "summary_fg_stdv": 659.4437255859375,
  "tsnr": 65.7497398685664
}