{
  "bids_meta": {
    "AcquisitionMatrixPE": 256,
    "AcquisitionNumber": 1,
    "AcquisitionTime": "14:13:15.000000",
    "BodyPartExamined": "BRAIN",
    "CoilString": "32Ch Head",
    "ConversionSoftware": "dcm2niix",
    "ConversionSoftwareVersion": "v1.0.20211006",
    "Dcm2bidsVersion": "2.1.6",
    "DeviceSerialNumber": "000301496MR3T6MR",
    "EchoTime": 0.060032,
    "EchoTrainLength": 140,
    "FlipAngle": 90,
    "ImageOrientationPatientDICOM": [
      0,
      1,
      0,
      0,
      0,
      -1
    ],
    "ImageType": [
      "ORIGINAL",
      "PRIMARY",
      "OTHER"
    ],
    "ImagingFrequency": 127.697,
    "InPlanePhaseEncodingDirectionDICOM": "ROW",
    "InstitutionName": "NIH FMRIF",
    "MRAcquisitionType": "3D",
    "MagneticFieldStrength": 3,
    "Manufacturer": "GE",
    "ManufacturersModelName": "DISCOVERY MR750",
    "Modality": "MR",
    "ParallelReductionFactorInPlane": 2,
    "ParallelReductionOutOfPlane": 1.5,
    "PatientPosition": "HFS",
    "PercentPhaseFOV": 100,
    "PercentSampling": 100,
    "PhaseEncodingAxis": "i",
    "PixelBandwidth": 244.141,
    "ProcedureStepDescription": "MRI Brain",
    "ProtocolName": "ADNI3 FMRIF Enhanced Pro",
    "ReconMatrixPE": 256,
    "RepetitionTime": 3.202,
    "SAR": 0.4096,
    "ScanOptions": "SAT_GEMS\\EDR_GEMS\\PROMO_GEMS\\ACC_GEMS\\FS\\FR_GEMS",
    "ScanningSequence": "RM",
    "SequenceVariant": "NONE",
    "SeriesDescription": "Sag_CUBE_T2",
    "SeriesNumber": 4,
    "SliceThickness": 1,
    "SoftwareVersions": "27\\LX\\MR Software release:DV26.0_R01_1725.a",
    "SpacingBetweenSlices": 1,
    "StationName": "fmrif3tb",
    "acq_id": "CUBE",
    "dataset": "ds004215",
    "modality": "T2w",
    "session_id": "01",
    "subject_id": "ON22662"
  },
  "cjv": 1.4798660688800973,
  "cnr": 0.8528907809815341,
  "efc": 0.39777803250235366,
  "fber": 7672.113913787667,
  "fwhm_avg": 2.31873,
  "fwhm_x": 1.92288,
  "fwhm_y": 2.57494,
  "fwhm_z": 2.45837,
  "icvs_csf": 0.2736308339938942,
  "icvs_gm": 0.5074247549591465,
  "icvs_wm": 0.21894441104695922,
  "inu_med": 0.9381985664367676,
  "inu_range": 0.5719169676303864,
  "provenance": {
    "md5sum": "cb916ae8d081179ca70ffa2f719ff93d",
    "settings": {
      "testing": false
    },
    "software": "mriqc",
    "version": "22.0.6",
    "warnings": {
      "large_rot_frame": true,
      "small_air_mask": false
    },
    "webapi_port": null,
    "webapi_url": "https://mriqc.nimh.nih.gov/api/v1"
  },
  "qi_1": 0.0,
  "qi_2": 0.011322802161994343,
  "rpve_csf": 22.158062291541068,
  "rpve_gm": 14.583462603614493,
  "rpve_wm": 34.134805060333726,
  "size_x": 236,
  "size_y": 256,
  "size_z": 256,
  "snr_csf": 12.399752304923453,
  "snr_gm": 13.460572423964202,
  "snr_total": 9.193898493924193,
  "snr_wm": 1.721370752884926,
  "snrd_csf": 67.11094824226721,
  "snrd_gm": 49.981491978252066,
  "snrd_total": 72.12328534329542,
  "snrd_wm": 99.27741580936696,
  "spacing_x": 1.0,
  "spacing_y": 1.0,
  "spacing_z": 1.0,
  "summary_bg_k": 125.1742482713905,
  "summary_bg_mad": 6.606831705398087,
  "summary_bg_mean": 5.859554312083597,
  "summary_bg_median": 4.456240266561508,
  "summary_bg_n": 4715548.0,
  "summary_bg_p05": 0.0,
  "summary_bg_p95": 18.48029051721096,
  "summary_bg_stdv": 8.5038223423062,
  "summary_csf_k": 0.5469533322794597,
  "summary_csf_mad": 51.688742165761504,
  "summary_csf_mean": 678.9065735113753,
  "summary_csf_median": 676.791490484029,
  "summary_csf_n": 22451.0,
  "summary_csf_p05": 593.8595484644175,
  "summary_csf_p95": 771.7651111651212,
  "summary_csf_stdv": 54.57983361584683,
  "summary_gm_k": -0.012323706225410458,
  "summary_gm_mad": 37.552065502005306,
  "summary_gm_mean": 503.4591999888682,
  "summary_gm_median": 504.0466472096741,
  "summary_gm_n": 215139.0,
  "summary_gm_p05": 441.06948697194457,
  "summary_gm_p95": 563.7799266651273,
  "summary_gm_stdv": 37.446065433799454,
  "summary_wm_k": -1.4682237500314013,
  "summary_wm_mad": 698.1380767520287,
  "summary_wm_mean": 803.9105411711288,
  "summary_wm_median": 1001.1795687116683,
  "summary_wm_n": 74059.0,
  "summary_wm_p05": 30.931550085544586,
  "summary_wm_p95": 1651.20085112378,
  "summary_wm_stdv": 581.6136980794661,
  "tpm_overlap_csf": 0.09583403834160759,
  "tpm_overlap_gm": 0.3258432997286072,
  "tpm_overlap_wm": 0.03995667087809846,
  "wm2max": 0.6117392369155985
}