{
  "aor": 0.0013947236180904521,
  "aqi": 0.0027298138693467333,
  "bids_meta": {
    "AcquisitionMatrixPE": 64,
    "AcquisitionNumber": 1,
    "AcquisitionTime": "16:14:29.000000",
    "BodyPartExamined": "BRAIN",
    "CoilString": "32Ch Head",
    "ConversionSoftware": "dcm2niix",
    "ConversionSoftwareVersion": "v1.0.20211006",
    "Dcm2bidsVersion": "2.1.6",
    "DeviceSerialNumber": "000301496MR3T6MR",
    "EchoTime": 0.0169,
    "EffectiveEchoSpacing": 0.000416,
    "FlipAngle": 90,
    "ImageOrientationPatientDICOM": [
      1,
      0,
      0,
      0,
      1,
      0
    ],
    "ImageType": [
      "ORIGINAL",
      "PRIMARY",
      "OTHER"
    ],
    "ImagingFrequency": 127.697,
    "InPlanePhaseEncodingDirectionDICOM": "COL",
    "InstitutionName": "NIH FMRIF",
    "InternalPulseSequenceName": "EPI",
    "MRAcquisitionType": "2D",
    "MagneticFieldStrength": 3,
    "Manufacturer": "GE",
    "ManufacturersModelName": "DISCOVERY MR750",
    "Modality": "MR",
    "PatientPosition": "HFS",
    "PercentPhaseFOV": 100,
    "PercentSampling": 100,
    "PhaseEncodingDirection": "j",
    "PhaseEncodingPolarityGE": "Flipped",
    "PixelBandwidth": 7812.5,
    "ProtocolName": "ADNI3 FMRIF Enhanced Pro",
    "PulseSequenceName": "epi",
    "ReconMatrixPE": 64,
    "RepetitionTime": 3,
    "SAR": 0.206463,
    "ScanOptions": "MP_GEMS\\EPI_GEMS\\PFF",
    "ScanningSequence": "EP\\GR",
    "SequenceVariant": "SS",
    "SeriesDescription": "Axial rsfMRI with Eyes Open - RKV",
    "SeriesNumber": 11,
    "SliceThickness": 3.4,
    "SliceTiming": [
      0,
      1.5,
      0.0625,
      1.5625,
      0.125,
      1.625,
      0.1875,
      1.6875,
      0.25,
      1.75,
      0.3125,
      1.8125,
      0.375,
      1.875,
      0.4375,
      1.9375,
      0.5,
      2,
      0.5625,
      2.0625,
      0.625,
      2.125,
      0.6875,
      2.1875,
      0.75,
      2.25,
      0.8125,
      2.3125,
      0.875,
      2.375,
      0.9375,
      2.4375,
      1,
      2.5,
      1.0625,
      2.5625,
      1.125,
      2.625,
      1.1875,
      2.6875,
      1.25,
      2.75,
      1.3125,
      2.8125,
      1.375,
      2.875,
      1.4375,
      2.9375
    ],
    "SoftwareVersions": "27\\LX\\MR Software release:DV26.0_R01_1725.a",
    "SpacingBetweenSlices": 3.4,
    "StationName": "fmrif3tb",
    "TaskName": "Resting state with eyes open.",
    "TotalReadoutTime": 0.026208,
    "TriggerDelayTime": 599938,
    "dataset": "ds004215",
    "modality": "bold",
    "session_id": "01",
    "subject_id": "ON65553",
    "task_id": "rest"
  },
  "dummy_trs": 1,
  "dvars_nstd": 15.406728166818183,
  "dvars_std": 1.298382280303031,
  "dvars_vstd": 0.9444190269191918,
  "efc": 0.5119363244500736,
  "fber": 2799.538330078125,
  "fd_mean": 0.058947075685507826,
  "fd_num": 1,
  "fd_perc": 0.5025125628140703,
  "fwhm_avg": 3.0853625841522856,
  "fwhm_x": 2.84976,
  "fwhm_y": 2.8520058181818184,
  "fwhm_z": 3.5543219342750394,
  "gcor": 0.0397805,
  "gsr_x": 0.014829332940280437,
  "gsr_y": 0.06390905380249023,
  "provenance": {
    "md5sum": "0d366dbe363877cb20e2ec1e0a0ccb62",
    "settings": {
      "fd_thres": 0.2,
      "testing": false
    },
    "software": "mriqc",
    "version": "22.0.6",
    "webapi_port": null,
    "webapi_url": "https://mriqc.nimh.nih.gov/api/v1"
  },
  "size_t": 199,
  "size_x": 64,
  "size_y": 64,
  "size_z": 48,
  "snr": 3.2864152075393775,
  "spacing_tr": 3.0,
  "spacing_x": 3.4375,
  "spacing_y": 3.4375,
  "spacing_z": 3.4000015258789062,
  "summary_bg_k": 18.14844759706167,
  "summary_bg_mad": 25.07013026294574,
  "summary_bg_mean": 215.47772216796875,
  "summary_bg_median": 47.15577697753906,
  "summary_bg_n": 127269.0,
  "summary_bg_p05": 25.185930252075195,
  "summary_bg_p95": 1077.6994384765621,
  "summary_bg_stdv": 402.5956726074219,
  "summary_fg_k": 2.189929461477286,
  "summary_fg_mad": 610.7575495572639,
  "summary_fg_mean": 2512.921142578125,
  "summary_fg_median": 2396.16845703125,
  "summary_fg_n": 31368.0,
  "summary_fg_p05": 1533.09775390625,
  "summary_fg_p95": 3889.4864013671868,
  "summary_fg_stdv": 729.1015014648438,
  "tsnr": 92.96424530865625
}