{
  "bids_meta": {
    "AcquisitionMatrixPE": 256,
    "AcquisitionNumber": 1,
    "AcquisitionTime": "14:07:36.000000",
    "BodyPartExamined": "BRAIN",
    "CoilString": "32Ch Head",
    "ConversionSoftware": "dcm2niix",
    "ConversionSoftwareVersion": "v1.0.20211006",
    "Dcm2bidsVersion": "2.1.6",
    "DeviceSerialNumber": "000301496MR3T6MR",
    "EchoTime": 0.00292,
    "FlipAngle": 8,
    "ImageOrientationPatientDICOM": [
      0,
      1,
      0,
      0,
      0,
      -1
    ],
    "ImageType": [
      "ORIGINAL",
      "PRIMARY",
      "OTHER"
    ],
    "ImagingFrequency": 127.696,
    "InPlanePhaseEncodingDirectionDICOM": "ROW",
    "InstitutionName": "NIH FMRIF",
    "InversionTime": 1.06,
    "MRAcquisitionType": "3D",
    "MagneticFieldStrength": 3,
    "Manufacturer": "GE",
    "ManufacturersModelName": "DISCOVERY MR750",
    "Modality": "MR",
    "ParallelReductionFactorInPlane": 2,
    "ParallelReductionOutOfPlane": 2,
    "PatientPosition": "HFS",
    "PercentPhaseFOV": 100,
    "PercentSampling": 100,
    "PixelBandwidth": 244.141,
    "ProcedureStepDescription": "MRI Brain",
    "ProtocolName": "ADNI3 FMRIF Enhanced Pro",
    "ReconMatrixPE": 256,
    "RepetitionTime": 0.006952,
    "SAR": 0.105274,
    "ScanOptions": "EDR_GEMS\\PROMO_GEMS\\ACC_GEMS\\IR_GEMS",
    "ScanningSequence": "RM",
    "SequenceVariant": "NONE",
    "SeriesDescription": "ORIG Anat T1w MP-RAGE 1mm (ABCD)",
    "SeriesNumber": 40003,
    "SliceThickness": 1,
    "SoftwareVersions": "27\\LX\\MR Software release:DV26.0_R03_1831.b",
    "SpacingBetweenSlices": 1,
    "StationName": "FMRI3tb",
    "acq_id": "MPRAGE",
    "dataset": "ds004215",
    "modality": "T1w",
    "session_id": "01",
    "subject_id": "ON34754"
  },
  "cjv": 0.3475927983557798,
  "cnr": 3.808895611784117,
  "efc": 0.4183443083234723,
  "fber": 5622.963985176389,
  "fwhm_avg": 3.80181,
  "fwhm_x": 3.69081,
  "fwhm_y": 3.95651,
  "fwhm_z": 3.75811,
  "icvs_csf": 0.20557116011506218,
  "icvs_gm": 0.43986227222244256,
  "icvs_wm": 0.3545665676624953,
  "inu_med": 0.8396638631820679,
  "inu_range": 0.48843178153038047,
  "provenance": {
    "md5sum": "c08a6e871c829f318d89478f7596958d",
    "settings": {
      "testing": false
    },
    "software": "mriqc",
    "version": "22.0.6",
    "warnings": {
      "large_rot_frame": true,
      "small_air_mask": false
    },
    "webapi_port": null,
    "webapi_url": "https://mriqc.nimh.nih.gov/api/v1"
  },
  "qi_1": 0.0,
  "qi_2": 0.001625319378668623,
  "rpve_csf": 29.986828244916747,
  "rpve_gm": 14.73269745298114,
  "rpve_wm": 21.159802075059805,
  "size_x": 208,
  "size_y": 256,
  "size_z": 256,
  "snr_csf": 1.1714165127018847,
  "snr_gm": 7.26065099387503,
  "snr_total": 9.317083307978905,
  "snr_wm": 19.519182417359797,
  "snrd_csf": 6.134372804715588,
  "snrd_gm": 31.347684756300847,
  "snrd_total": 29.382206116458793,
  "snrd_wm": 50.66456078835994,
  "spacing_x": 1.0,
  "spacing_y": 1.0,
  "spacing_z": 1.0,
  "summary_bg_k": 1.3792561552866873,
  "summary_bg_mad": 12.930861424257783,
  "summary_bg_mean": 12.00955732358208,
  "summary_bg_median": 8.72173349186778,
  "summary_bg_n": 3901131.0,
  "summary_bg_p05": 0.0,
  "summary_bg_p95": 33.584593672305346,
  "summary_bg_stdv": 11.56034126982083,
  "summary_csf_k": 1.7381851366217553,
  "summary_csf_mad": 77.35112580483614,
  "summary_csf_mean": 150.7727636834376,
  "summary_csf_median": 121.07818259298801,
  "summary_csf_n": 32176.0,
  "summary_csf_p05": 35.755160830914974,
  "summary_csf_p95": 370.90059633459896,
  "summary_csf_stdv": 103.35888197507407,
  "summary_gm_k": 0.13031785910306226,
  "summary_gm_mad": 82.90964089671166,
  "summary_gm_mean": 619.6781551625737,
  "summary_gm_median": 618.730034776032,
  "summary_gm_n": 30014.0,
  "summary_gm_p05": 482.16781537067146,
  "summary_gm_p95": 763.8028506860137,
  "summary_gm_stdv": 85.21546178916626,
  "summary_wm_k": 0.4066014902670876,
  "summary_wm_mad": 49.617061030636194,
  "summary_wm_mean": 1000.581704810693,
  "summary_wm_median": 1000.0000224001706,
  "summary_wm_n": 198098.0,
  "summary_wm_p05": 917.9525838047266,
  "summary_wm_p95": 1084.7705361582339,
  "summary_wm_stdv": 51.23152584015449,
  "tpm_overlap_csf": 0.14023675851692524,
  "tpm_overlap_gm": 0.4651900724554429,
  "tpm_overlap_wm": 0.5081379922419234,
  "wm2max": 0.47180948124976724
}