{
  "bids_meta": {
    "AcquisitionMatrixPE": 256,
    "AcquisitionNumber": 1,
    "AcquisitionTime": "14:14:7.000000",
    "BodyPartExamined": "BRAIN",
    "CoilString": "32Ch Head",
    "ConversionSoftware": "dcm2niix",
    "ConversionSoftwareVersion": "v1.0.20211006",
    "Dcm2bidsVersion": "2.1.6",
    "DeviceSerialNumber": "000301496MR3T6MR",
    "EchoTime": 0.065888,
    "EchoTrainLength": 140,
    "FlipAngle": 90,
    "ImageOrientationPatientDICOM": [
      0,
      1,
      0,
      0,
      0,
      -1
    ],
    "ImageType": [
      "ORIGINAL",
      "PRIMARY",
      "OTHER"
    ],
    "ImagingFrequency": 127.696,
    "InPlanePhaseEncodingDirectionDICOM": "ROW",
    "InstitutionName": "NIH FMRIF",
    "MRAcquisitionType": "3D",
    "MagneticFieldStrength": 3,
    "Manufacturer": "GE",
    "ManufacturersModelName": "DISCOVERY MR750",
    "Modality": "MR",
    "ParallelReductionFactorInPlane": 2,
    "ParallelReductionOutOfPlane": 1.5,
    "PatientPosition": "HFS",
    "PercentPhaseFOV": 100,
    "PercentSampling": 100,
    "PhaseEncodingAxis": "i",
    "PixelBandwidth": 244.141,
    "ProcedureStepDescription": "MRI Brain",
    "ProtocolName": "ADNI3 FMRIF Enhanced Pro",
    "ReconMatrixPE": 256,
    "RepetitionTime": 3.202,
    "SAR": 0.4591,
    "ScanOptions": "SAT_GEMS\\EDR_GEMS\\PROMO_GEMS\\ACC_GEMS\\FS\\FR_GEMS",
    "ScanningSequence": "RM",
    "SequenceVariant": "NONE",
    "SeriesDescription": "ORIG Anat T2w CUBE (ABCD)",
    "SeriesNumber": 40004,
    "SliceThickness": 1,
    "SoftwareVersions": "27\\LX\\MR Software release:DV26.0_R03_1831.b",
    "SpacingBetweenSlices": 1,
    "StationName": "FMRI3tb",
    "acq_id": "CUBE",
    "dataset": "ds004215",
    "modality": "T2w",
    "session_id": "01",
    "subject_id": "ON34754"
  },
  "cjv": 1.8359303448221111,
  "cnr": 0.8399355189073948,
  "efc": 0.3861138686786325,
  "fber": 13310.136578449907,
  "fwhm_avg": 2.4234966666666664,
  "fwhm_x": 2.02803,
  "fwhm_y": 2.70541,
  "fwhm_z": 2.53705,
  "icvs_csf": 0.3243986454152275,
  "icvs_gm": 0.5008857542421843,
  "icvs_wm": 0.17471560034258815,
  "inu_med": 0.9520792961120605,
  "inu_range": 0.5393651425838472,
  "provenance": {
    "md5sum": "071fe4432dc5810c156623928ff16ca2",
    "settings": {
      "testing": false
    },
    "software": "mriqc",
    "version": "22.0.6",
    "warnings": {
      "large_rot_frame": true,
      "small_air_mask": false
    },
    "webapi_port": null,
    "webapi_url": "https://mriqc.nimh.nih.gov/api/v1"
  },
  "qi_1": 0.0,
  "qi_2": 0.00931832828002977,
  "rpve_csf": 18.081980551669627,
  "rpve_gm": 13.835818522443063,
  "rpve_wm": 40.439420493756785,
  "size_x": 204,
  "size_y": 256,
  "size_z": 256,
  "snr_csf": 11.998085418576258,
  "snr_gm": 12.553706998047673,
  "snr_total": 8.706911625204102,
  "snr_wm": 1.5689424589883716,
  "snrd_csf": 85.32155491221206,
  "snrd_gm": 59.00579568432707,
  "snrd_total": 90.52208350729995,
  "snrd_wm": 127.23889992536068,
  "spacing_x": 1.0,
  "spacing_y": 1.0,
  "spacing_z": 1.0,
  "summary_bg_k": 54.44615827838065,
  "summary_bg_mad": 0.0,
  "summary_bg_mean": 3.840964808794858,
  "summary_bg_median": 0.0,
  "summary_bg_n": 3802306.0,
  "summary_bg_p05": 0.0,
  "summary_bg_p95": 13.803723584860563,
  "summary_bg_stdv": 5.149222896614538,
  "summary_csf_k": 0.552565643912931,
  "summary_csf_mad": 52.631218511599826,
  "summary_csf_mean": 673.7228042804926,
  "summary_csf_median": 670.6079896166921,
  "summary_csf_n": 26123.0,
  "summary_csf_p05": 587.4584283651784,
  "summary_csf_p95": 769.6538309566677,
  "summary_csf_stdv": 55.891846950038364,
  "summary_gm_k": -0.01863466248844059,
  "summary_gm_mad": 37.54713574685007,
  "summary_gm_mean": 463.58919584544253,
  "summary_gm_median": 463.7721155025065,
  "summary_gm_n": 191830.0,
  "summary_gm_p05": 402.5902729202062,
  "summary_gm_p95": 522.8641513269395,
  "summary_gm_stdv": 36.942944961426214,
  "summary_wm_k": -1.641933647779457,
  "summary_wm_mad": 947.0561747743762,
  "summary_wm_mean": 821.063647853103,
  "summary_wm_median": 1000.0687747402117,
  "summary_wm_n": 35966.0,
  "summary_wm_p05": 28.05428085150197,
  "summary_wm_p95": 1689.0038196742535,
  "summary_wm_stdv": 637.4069781461002,
  "tpm_overlap_csf": 0.10945912611688968,
  "tpm_overlap_gm": 0.31033264249043346,
  "tpm_overlap_wm": 0.03730756150499264,
  "wm2max": 0.6126834116675932
}