{
  "bids_meta": {
    "AcquisitionMatrixPE": 256,
    "AcquisitionNumber": 1,
    "AcquisitionTime": "14:07:36.000000",
    "BodyPartExamined": "BRAIN",
    "CoilString": "32Ch Head",
    "ConversionSoftware": "dcm2niix",
    "ConversionSoftwareVersion": "v1.0.20211006",
    "Dcm2bidsVersion": "2.1.6",
    "DeviceSerialNumber": "000301496MR3T6MR",
    "EchoTime": 0.00292,
    "FlipAngle": 8,
    "ImageOrientationPatientDICOM": [
      0,
      1,
      0,
      0,
      0,
      -1
    ],
    "ImageType": [
      "ORIGINAL",
      "PRIMARY",
      "OTHER"
    ],
    "ImagingFrequency": 127.696,
    "InPlanePhaseEncodingDirectionDICOM": "ROW",
    "InstitutionName": "NIH FMRIF",
    "InversionTime": 1.06,
    "MRAcquisitionType": "3D",
    "MagneticFieldStrength": 3,
    "Manufacturer": "GE",
    "ManufacturersModelName": "DISCOVERY MR750",
    "Modality": "MR",
    "ParallelReductionFactorInPlane": 2,
    "ParallelReductionOutOfPlane": 2,
    "PatientPosition": "HFS",
    "PercentPhaseFOV": 100,
    "PercentSampling": 100,
    "PixelBandwidth": 244.141,
    "ProcedureStepDescription": "MRI Brain",
    "ProtocolName": "ADNI3 FMRIF Enhanced Pro",
    "ReconMatrixPE": 256,
    "RepetitionTime": 0.006952,
    "SAR": 0.105274,
    "ScanOptions": "EDR_GEMS\\PROMO_GEMS\\FILTERED_GEMS\\ACC_GEMS\\IR_GEMS",
    "ScanningSequence": "RM",
    "SequenceVariant": "NONE",
    "SeriesDescription": "Anat T1w MP-RAGE 1mm (ABCD)",
    "SeriesNumber": 3,
    "SliceThickness": 1,
    "SoftwareVersions": "27\\LX\\MR Software release:DV26.0_R03_1831.b",
    "SpacingBetweenSlices": 1,
    "StationName": "FMRI3tb",
    "acq_id": "MPRAGE",
    "dataset": "ds004215",
    "modality": "T1w",
    "rec_id": "SCIC",
    "session_id": "01",
    "subject_id": "ON34754"
  },
  "cjv": 0.3277988790323962,
  "cnr": 4.012642852551325,
  "efc": 0.6495784066471597,
  "fber": 16055.919925567108,
  "fwhm_avg": 3.514376666666667,
  "fwhm_x": 3.3898,
  "fwhm_y": 3.72008,
  "fwhm_z": 3.43325,
  "icvs_csf": 0.21216198606466857,
  "icvs_gm": 0.4414924953977157,
  "icvs_wm": 0.34634551853761575,
  "inu_med": 0.476717472076416,
  "inu_range": 0.09120136499404902,
  "provenance": {
    "md5sum": "68f2a59ae62bde1c2caf556d89a8c5cc",
    "settings": {
      "testing": false
    },
    "software": "mriqc",
    "version": "22.0.6",
    "warnings": {
      "large_rot_frame": true,
      "small_air_mask": false
    },
    "webapi_port": null,
    "webapi_url": "https://mriqc.nimh.nih.gov/api/v1"
  },
  "qi_1": 0.0,
  "qi_2": 0.00264735781867853,
  "rpve_csf": 28.943180264552073,
  "rpve_gm": 14.61261028825901,
  "rpve_wm": 21.553679302107884,
  "size_x": 208,
  "size_y": 256,
  "size_z": 256,
  "snr_csf": 1.6399552260738548,
  "snr_gm": 7.829237939490369,
  "snr_total": 10.281632487381744,
  "snr_wm": 21.375704296581006,
  "snrd_csf": 16.08892482053709,
  "snrd_gm": 62.06669155435445,
  "snrd_total": 59.1171468243754,
  "snrd_wm": 99.19582409823467,
  "spacing_x": 1.0,
  "spacing_y": 1.0,
  "spacing_z": 1.0,
  "summary_bg_k": 4.388703146906564,
  "summary_bg_mad": 6.6044755187517765,
  "summary_bg_mean": 7.25200300309325,
  "summary_bg_median": 4.454651042819023,
  "summary_bg_n": 996302.0,
  "summary_bg_p05": 0.0,
  "summary_bg_p95": 32.48298338055611,
  "summary_bg_stdv": 11.223741909904495,
  "summary_csf_k": 1.8997283875943438,
  "summary_csf_mad": 80.03311637940818,
  "summary_csf_mean": 183.769973684491,
  "summary_csf_median": 162.19356778264046,
  "summary_csf_n": 37148.0,
  "summary_csf_p05": 64.357256680727,
  "summary_csf_p95": 388.5216596938671,
  "summary_csf_stdv": 98.89988587283844,
  "summary_gm_k": 0.08340433690361948,
  "summary_gm_mad": 77.7359075033206,
  "summary_gm_mean": 626.302857246309,
  "summary_gm_median": 625.6986253559589,
  "summary_gm_n": 33500.0,
  "summary_gm_p05": 494.5202196009457,
  "summary_gm_p95": 759.5608891926705,
  "summary_gm_stdv": 79.91700997422242,
  "summary_wm_k": 0.3829885207809758,
  "summary_wm_mad": 44.959659431999675,
  "summary_wm_mean": 999.8631376199268,
  "summary_wm_median": 999.9999875128269,
  "summary_wm_n": 196809.0,
  "summary_wm_p05": 923.1641741842031,
  "summary_wm_p95": 1076.310096681118,
  "summary_wm_stdv": 46.78196484666731,
  "tpm_overlap_csf": 0.14139317700045967,
  "tpm_overlap_gm": 0.4690566492236965,
  "tpm_overlap_wm": 0.5074763570539289,
  "wm2max": 0.6436343561341336
}