{
  "bids_meta": {
    "AcquisitionMatrixPE": 256,
    "AcquisitionNumber": 1,
    "AcquisitionTime": "14:06:17.000000",
    "BodyPartExamined": "BRAIN",
    "CoilString": "32Ch Head",
    "ConversionSoftware": "dcm2niix",
    "ConversionSoftwareVersion": "v1.0.20211006",
    "Dcm2bidsVersion": "2.1.6",
    "DeviceSerialNumber": "000301496MR3T6MR",
    "EchoTime": 0.00294,
    "FlipAngle": 8,
    "ImageOrientationPatientDICOM": [
      0,
      1,
      0,
      0,
      0,
      -1
    ],
    "ImageType": [
      "ORIGINAL",
      "PRIMARY",
      "OTHER"
    ],
    "ImagingFrequency": 127.697,
    "InPlanePhaseEncodingDirectionDICOM": "ROW",
    "InstitutionName": "NIH FMRIF",
    "InversionTime": 1.06,
    "MRAcquisitionType": "3D",
    "MagneticFieldStrength": 3,
    "Manufacturer": "GE",
    "ManufacturersModelName": "DISCOVERY MR750",
    "Modality": "MR",
    "ParallelReductionFactorInPlane": 2,
    "ParallelReductionOutOfPlane": 2,
    "PatientPosition": "HFS",
    "PercentPhaseFOV": 100,
    "PercentSampling": 100,
    "PixelBandwidth": 244.141,
    "ProcedureStepDescription": "MRI Brain",
    "ProtocolName": "ADNI3 FMRIF Enhanced Pro",
    "ReconMatrixPE": 256,
    "RepetitionTime": 0.00668,
    "SAR": 0.0734858,
    "ScanOptions": "EDR_GEMS\\FILTERED_GEMS\\ACC_GEMS\\IR_GEMS",
    "ScanningSequence": "RM",
    "SequenceVariant": "NONE",
    "SeriesDescription": "Sag_MPRAGE_T1",
    "SeriesNumber": 3,
    "SliceThickness": 1,
    "SoftwareVersions": "27\\LX\\MR Software release:DV26.0_R01_1725.a",
    "SpacingBetweenSlices": 1,
    "StationName": "fmrif3tb",
    "acq_id": "SagittalMPRAGE",
    "dataset": "ds004215",
    "modality": "T1w",
    "rec_id": "SCIC",
    "session_id": "01",
    "subject_id": "ON98806"
  },
  "cjv": 0.3923500742224894,
  "cnr": 3.45624779079623,
  "efc": 0.6635271720236958,
  "fber": 8609.785036098707,
  "fwhm_avg": 3.4878133333333334,
  "fwhm_x": 3.45879,
  "fwhm_y": 3.69462,
  "fwhm_z": 3.31003,
  "icvs_csf": 0.24167705582767807,
  "icvs_gm": 0.3997505778337013,
  "icvs_wm": 0.3585723663386206,
  "inu_med": 0.49427400529384613,
  "inu_range": 0.08002495765686035,
  "provenance": {
    "md5sum": "37b84cf08e4e76ee887743236dd1a112",
    "settings": {
      "testing": false
    },
    "software": "mriqc",
    "version": "22.0.6",
    "warnings": {
      "large_rot_frame": true,
      "small_air_mask": false
    },
    "webapi_port": null,
    "webapi_url": "https://mriqc.nimh.nih.gov/api/v1"
  },
  "qi_1": 0.0,
  "qi_2": 0.004121449509560771,
  "rpve_csf": 24.95831435961631,
  "rpve_gm": 14.830649736340312,
  "rpve_wm": 20.056729897157364,
  "size_x": 208,
  "size_y": 256,
  "size_z": 256,
  "snr_csf": 1.6630786840879157,
  "snr_gm": 7.8180973767339035,
  "snr_total": 9.674131638464672,
  "snr_wm": 19.541218854572197,
  "snrd_csf": 15.936915452891672,
  "snrd_gm": 66.88939986702705,
  "snrd_total": 61.5034475849331,
  "snrd_wm": 101.68402743488058,
  "spacing_x": 1.0,
  "spacing_y": 1.0,
  "spacing_z": 1.0,
  "summary_bg_k": 5.897761864158731,
  "summary_bg_mad": 6.44301811656812,
  "summary_bg_mean": 6.356599291897953,
  "summary_bg_median": 4.34574967995286,
  "summary_bg_n": 913266.0,
  "summary_bg_p05": 0.0,
  "summary_bg_p95": 29.441260194405913,
  "summary_bg_stdv": 10.19035875368401,
  "summary_csf_k": 1.6827030793967062,
  "summary_csf_mad": 76.14797785020893,
  "summary_csf_mean": 180.07982206366873,
  "summary_csf_median": 156.7335214242339,
  "summary_csf_n": 44350.0,
  "summary_csf_p05": 70.15281626209617,
  "summary_csf_p95": 374.75047054672604,
  "summary_csf_stdv": 94.24193569844466,
  "summary_gm_k": -0.08460449059418007,
  "summary_gm_mad": 84.83897206788735,
  "summary_gm_mean": 656.5471412146239,
  "summary_gm_median": 657.8318883664906,
  "summary_gm_n": 24560.0,
  "summary_gm_p05": 515.2089206420817,
  "summary_gm_p95": 793.1315515478141,
  "summary_gm_stdv": 84.14048382727765,
  "summary_wm_k": 0.3478956043168768,
  "summary_wm_mad": 49.42007302598404,
  "summary_wm_mean": 999.597116035038,
  "summary_wm_median": 1000.023859044537,
  "summary_wm_n": 207582.0,
  "summary_wm_p05": 915.3533735219389,
  "summary_wm_p95": 1082.7363694366068,
  "summary_wm_stdv": 51.174978272324985,
  "tpm_overlap_csf": 0.15004217036907921,
  "tpm_overlap_gm": 0.4276206707444363,
  "tpm_overlap_wm": 0.48659530881767116,
  "wm2max": 0.7109198621649607
}