{
  "bids_meta": {
    "AcquisitionMatrixPE": 256,
    "AcquisitionNumber": 1,
    "AcquisitionTime": "14:06:17.000000",
    "BodyPartExamined": "BRAIN",
    "CoilString": "32Ch Head",
    "ConversionSoftware": "dcm2niix",
    "ConversionSoftwareVersion": "v1.0.20211006",
    "Dcm2bidsVersion": "2.1.6",
    "DeviceSerialNumber": "000301496MR3T6MR",
    "EchoTime": 0.00294,
    "FlipAngle": 8,
    "ImageOrientationPatientDICOM": [
      0,
      1,
      0,
      0,
      0,
      -1
    ],
    "ImageType": [
      "ORIGINAL",
      "PRIMARY",
      "OTHER"
    ],
    "ImagingFrequency": 127.697,
    "InPlanePhaseEncodingDirectionDICOM": "ROW",
    "InstitutionName": "NIH FMRIF",
    "InversionTime": 1.06,
    "MRAcquisitionType": "3D",
    "MagneticFieldStrength": 3,
    "Manufacturer": "GE",
    "ManufacturersModelName": "DISCOVERY MR750",
    "Modality": "MR",
    "ParallelReductionFactorInPlane": 2,
    "ParallelReductionOutOfPlane": 2,
    "PatientPosition": "HFS",
    "PercentPhaseFOV": 100,
    "PercentSampling": 100,
    "PixelBandwidth": 244.141,
    "ProcedureStepDescription": "MRI Brain",
    "ProtocolName": "ADNI3 FMRIF Enhanced Pro",
    "ReconMatrixPE": 256,
    "RepetitionTime": 0.00668,
    "SAR": 0.0734858,
    "ScanOptions": "EDR_GEMS\\ACC_GEMS\\IR_GEMS",
    "ScanningSequence": "RM",
    "SequenceVariant": "NONE",
    "SeriesDescription": "ORIG Sag_MPRAGE_T1",
    "SeriesNumber": 40003,
    "SliceThickness": 1,
    "SoftwareVersions": "27\\LX\\MR Software release:DV26.0_R01_1725.a",
    "SpacingBetweenSlices": 1,
    "StationName": "fmrif3tb",
    "acq_id": "SagittalMPRAGE",
    "dataset": "ds004215",
    "modality": "T1w",
    "session_id": "01",
    "subject_id": "ON98806"
  },
  "cjv": 0.41843207305997576,
  "cnr": 3.2311579015686784,
  "efc": 0.46944231028458017,
  "fber": 2508.410422992726,
  "fwhm_avg": 3.790626666666667,
  "fwhm_x": 3.77163,
  "fwhm_y": 3.96832,
  "fwhm_z": 3.63193,
  "icvs_csf": 0.23294588145115788,
  "icvs_gm": 0.4025037306886092,
  "icvs_wm": 0.3645503878602329,
  "inu_med": 0.9074134230613708,
  "inu_range": 0.5111103355884552,
  "provenance": {
    "md5sum": "c96c287c1d9739a10b8792740ea8b78d",
    "settings": {
      "testing": false
    },
    "software": "mriqc",
    "version": "22.0.6",
    "warnings": {
      "large_rot_frame": true,
      "small_air_mask": false
    },
    "webapi_port": null,
    "webapi_url": "https://mriqc.nimh.nih.gov/api/v1"
  },
  "qi_1": 0.0,
  "qi_2": 0.0012059187328899235,
  "rpve_csf": 25.912280701754387,
  "rpve_gm": 14.85237603043684,
  "rpve_wm": 19.838797206399757,
  "size_x": 208,
  "size_y": 256,
  "size_z": 256,
  "snr_csf": 1.140020695913413,
  "snr_gm": 7.071986415954479,
  "snr_total": 8.638436532588798,
  "snr_wm": 17.703302485898504,
  "snrd_csf": 6.65886734138325,
  "snrd_gm": 38.75771423158927,
  "snrd_total": 35.03525280169861,
  "snrd_wm": 59.68917683212331,
  "spacing_x": 1.0,
  "spacing_y": 1.0,
  "spacing_z": 1.0,
  "summary_bg_k": 1.863998399231229,
  "summary_bg_mad": 10.9762009249123,
  "summary_bg_mean": 13.9242650550821,
  "summary_bg_median": 12.754260331392288,
  "summary_bg_n": 3310225.0,
  "summary_bg_p05": 0.0,
  "summary_bg_p95": 37.67637822031975,
  "summary_bg_stdv": 12.565543934964442,
  "summary_csf_k": 2.096460999077032,
  "summary_csf_mad": 72.32338332207065,
  "summary_csf_mean": 138.08637181793065,
  "summary_csf_median": 111.56312772631645,
  "summary_csf_n": 37466.0,
  "summary_csf_p05": 30.905258690938354,
  "summary_csf_p95": 347.361180620268,
  "summary_csf_stdv": 97.85931014938967,
  "summary_gm_k": -0.1434162651031059,
  "summary_gm_mad": 92.56414987914903,
  "summary_gm_mean": 648.2725887815992,
  "summary_gm_median": 649.3494466133416,
  "summary_gm_n": 24234.0,
  "summary_gm_p05": 494.4108387082815,
  "summary_gm_p95": 798.4258592884986,
  "summary_gm_stdv": 91.81805659612925,
  "summary_wm_k": 0.47056647720352096,
  "summary_wm_mad": 54.17461545612655,
  "summary_wm_mean": 1000.7162897630694,
  "summary_wm_median": 1000.0366304665804,
  "summary_wm_n": 209126.0,
  "summary_wm_p05": 909.4374019056559,
  "summary_wm_p95": 1093.9710248038173,
  "summary_wm_stdv": 56.48856987387656,
  "tpm_overlap_csf": 0.14940451803810348,
  "tpm_overlap_gm": 0.42432514025925927,
  "tpm_overlap_wm": 0.48523197350472563,
  "wm2max": 0.5414211163362899
}