{
  "bids_meta": {
    "AcquisitionMatrixPE": 256,
    "AcquisitionNumber": 1,
    "AcquisitionTime": "15:50:51.000000",
    "BodyPartExamined": "BRAIN",
    "CoilString": "32Ch Head",
    "ConversionSoftware": "dcm2niix",
    "ConversionSoftwareVersion": "v1.0.20211006",
    "Dcm2bidsVersion": "2.1.6",
    "DeviceSerialNumber": "000301496MR3T6MR",
    "EchoTime": 0.00292,
    "FlipAngle": 8,
    "ImageOrientationPatientDICOM": [
      0,
      1,
      0,
      0,
      0,
      -1
    ],
    "ImageType": [
      "ORIGINAL",
      "PRIMARY",
      "OTHER"
    ],
    "ImagingFrequency": 127.697,
    "InPlanePhaseEncodingDirectionDICOM": "ROW",
    "InstitutionName": "NIH FMRIF",
    "InversionTime": 1.06,
    "MRAcquisitionType": "3D",
    "MagneticFieldStrength": 3,
    "Manufacturer": "GE",
    "ManufacturersModelName": "DISCOVERY MR750",
    "Modality": "MR",
    "ParallelReductionFactorInPlane": 2,
    "ParallelReductionOutOfPlane": 2,
    "PatientPosition": "HFS",
    "PercentPhaseFOV": 100,
    "PercentSampling": 100,
    "PixelBandwidth": 244.141,
    "ProcedureStepDescription": "MRI Brain",
    "ProtocolName": "ADNI3 FMRIF Enhanced Pro",
    "ReconMatrixPE": 256,
    "RepetitionTime": 0.006952,
    "SAR": 0.130217,
    "ScanOptions": "EDR_GEMS\\PROMO_GEMS\\ACC_GEMS\\IR_GEMS",
    "ScanningSequence": "RM",
    "SequenceVariant": "NONE",
    "SeriesDescription": "ORIG Anat T1w MP-RAGE 1mm (ABCD)",
    "SeriesNumber": 40003,
    "SliceThickness": 1,
    "SoftwareVersions": "27\\LX\\MR Software release:DV26.0_R03_1831.b",
    "SpacingBetweenSlices": 1,
    "StationName": "FMRI3tb",
    "acq_id": "MPRAGE",
    "dataset": "ds004215",
    "modality": "T1w",
    "session_id": "01",
    "subject_id": "ON61373"
  },
  "cjv": 0.3533862496928808,
  "cnr": 3.773838419989437,
  "efc": 0.43644156150510804,
  "fber": 6173.272468451831,
  "fwhm_avg": 3.748466666666667,
  "fwhm_x": 3.68044,
  "fwhm_y": 3.90328,
  "fwhm_z": 3.66168,
  "icvs_csf": 0.2263252651147919,
  "icvs_gm": 0.4225884410694959,
  "icvs_wm": 0.3510862938157122,
  "inu_med": 0.8412188291549683,
  "inu_range": 0.5201743841171262,
  "provenance": {
    "md5sum": "d8b95288b9a5b4111166fd6f20a8249d",
    "settings": {
      "testing": false
    },
    "software": "mriqc",
    "version": "22.0.6",
    "warnings": {
      "large_rot_frame": true,
      "small_air_mask": false
    },
    "webapi_port": null,
    "webapi_url": "https://mriqc.nimh.nih.gov/api/v1"
  },
  "qi_1": 0.0,
  "qi_2": 0.0011279153182084827,
  "rpve_csf": 29.112885902580274,
  "rpve_gm": 15.840159601958261,
  "rpve_wm": 22.37003051043127,
  "size_x": 208,
  "size_y": 256,
  "size_z": 256,
  "snr_csf": 1.2458723925432735,
  "snr_gm": 7.25252422899746,
  "snr_total": 9.175400814811157,
  "snr_wm": 19.027805822892738,
  "snrd_csf": 8.106998671501083,
  "snrd_gm": 33.99008909892087,
  "snrd_total": 32.33884289568899,
  "snrd_wm": 54.91944091664503,
  "spacing_x": 1.0,
  "spacing_y": 1.0,
  "spacing_z": 1.0,
  "summary_bg_k": 11.95606590810296,
  "summary_bg_mad": 11.929464541565869,
  "summary_bg_mean": 12.243945343605022,
  "summary_bg_median": 8.046301558613777,
  "summary_bg_n": 3972612.0,
  "summary_bg_p05": 0.0,
  "summary_bg_p95": 35.25550551339984,
  "summary_bg_stdv": 12.385912619907067,
  "summary_csf_k": 0.08000583690922136,
  "summary_csf_mad": 109.77200266756664,
  "summary_csf_mean": 179.7396972691422,
  "summary_csf_median": 147.62140096351504,
  "summary_csf_n": 29008.0,
  "summary_csf_p05": 34.33794480934739,
  "summary_csf_p95": 405.8088667653501,
  "summary_csf_stdv": 118.48633722880999,
  "summary_gm_k": 0.016525781976564513,
  "summary_gm_mad": 85.12824039091083,
  "summary_gm_mean": 618.7628109822691,
  "summary_gm_median": 618.9299856796861,
  "summary_gm_n": 24869.0,
  "summary_gm_p05": 477.73150964453816,
  "summary_gm_p95": 759.5002855405211,
  "summary_gm_stdv": 85.33822462457209,
  "summary_wm_k": 0.6150864319458575,
  "summary_wm_mad": 49.54913561781964,
  "summary_wm_mean": 999.1763056369049,
  "summary_wm_median": 1000.0352950282395,
  "summary_wm_n": 191036.0,
  "summary_wm_p05": 912.125921420753,
  "summary_wm_p95": 1083.2862835228443,
  "summary_wm_stdv": 52.556384426708,
  "tpm_overlap_csf": 0.14620253352231682,
  "tpm_overlap_gm": 0.45944246241309833,
  "tpm_overlap_wm": 0.5040768618489603,
  "wm2max": 0.5147128274058197
}