{
  "bids_meta": {
    "AcquisitionMatrixPE": 256,
    "AcquisitionNumber": 1,
    "AcquisitionTime": "15:55:8.000000",
    "BodyPartExamined": "BRAIN",
    "CoilString": "32Ch Head",
    "ConversionSoftware": "dcm2niix",
    "ConversionSoftwareVersion": "v1.0.20211006",
    "Dcm2bidsVersion": "2.1.6",
    "DeviceSerialNumber": "000301496MR3T6MR",
    "EchoTime": 0.058984,
    "EchoTrainLength": 140,
    "FlipAngle": 90,
    "ImageOrientationPatientDICOM": [
      0,
      1,
      0,
      0,
      0,
      -1
    ],
    "ImageType": [
      "ORIGINAL",
      "PRIMARY",
      "OTHER"
    ],
    "ImagingFrequency": 127.697,
    "InPlanePhaseEncodingDirectionDICOM": "ROW",
    "InstitutionName": "NIH FMRIF",
    "MRAcquisitionType": "3D",
    "MagneticFieldStrength": 3,
    "Manufacturer": "GE",
    "ManufacturersModelName": "DISCOVERY MR750",
    "Modality": "MR",
    "ParallelReductionFactorInPlane": 2,
    "ParallelReductionOutOfPlane": 1.5,
    "PatientPosition": "HFS",
    "PercentPhaseFOV": 100,
    "PercentSampling": 100,
    "PhaseEncodingAxis": "i",
    "PixelBandwidth": 244.141,
    "ProcedureStepDescription": "MRI Brain",
    "ProtocolName": "ADNI3 FMRIF Enhanced Pro",
    "ReconMatrixPE": 256,
    "RepetitionTime": 3.202,
    "SAR": 0.3903,
    "ScanOptions": "SAT_GEMS\\EDR_GEMS\\PROMO_GEMS\\FILTERED_GEMS\\ACC_GEMS\\FS\\FR_GEMS",
    "ScanningSequence": "RM",
    "SequenceVariant": "NONE",
    "SeriesDescription": "Anat T2w CUBE (ABCD)",
    "SeriesNumber": 4,
    "SliceThickness": 1,
    "SoftwareVersions": "27\\LX\\MR Software release:DV26.0_R03_1831.b",
    "SpacingBetweenSlices": 1,
    "StationName": "FMRI3tb",
    "acq_id": "CUBE",
    "dataset": "ds004215",
    "modality": "T2w",
    "rec_id": "SCIC",
    "session_id": "01",
    "subject_id": "ON30080"
  },
  "cjv": 0.20631754276772485,
  "cnr": 4.967662273359088,
  "efc": 0.4568352522256441,
  "fber": 6234.774952073576,
  "fwhm_avg": 2.1681266666666668,
  "fwhm_x": 1.7384,
  "fwhm_y": 2.53716,
  "fwhm_z": 2.22882,
  "icvs_csf": 0.23367176217875396,
  "icvs_gm": 0.679533568673874,
  "icvs_wm": 0.08679466914737202,
  "inu_med": 0.7790709733963013,
  "inu_range": 0.12713444232940674,
  "provenance": {
    "md5sum": "0a03be2e6266da3f737145811b0a550c",
    "settings": {
      "testing": false
    },
    "software": "mriqc",
    "version": "22.0.6",
    "warnings": {
      "large_rot_frame": true,
      "small_air_mask": false
    },
    "webapi_port": null,
    "webapi_url": "https://mriqc.nimh.nih.gov/api/v1"
  },
  "qi_1": 0.0,
  "qi_2": 0.0020748221527249217,
  "rpve_csf": 23.657252316464717,
  "rpve_gm": 11.448458888887929,
  "rpve_wm": 81.53414059256002,
  "size_x": 204,
  "size_y": 256,
  "size_z": 256,
  "snr_csf": 5.945633367270126,
  "snr_gm": 10.612343033545795,
  "snr_total": 5.7807381370985595,
  "snr_wm": 0.7842380104797595,
  "snrd_csf": 120.28371940327374,
  "snrd_gm": 46.08034941218878,
  "snrd_total": 57.260550415079024,
  "snrd_wm": 5.417582429774542,
  "spacing_x": 1.0,
  "spacing_y": 1.0,
  "spacing_z": 1.0,
  "summary_bg_k": 297.0472473792711,
  "summary_bg_mad": 0.0,
  "summary_bg_mean": 51.85328075291604,
  "summary_bg_median": 0.0,
  "summary_bg_n": 3169221.0,
  "summary_bg_p05": 0.0,
  "summary_bg_p95": 166.22289729118347,
  "summary_bg_stdv": 120.9738107371946,
  "summary_csf_k": 4.9227592712163295,
  "summary_csf_mad": 1729.6085860468304,
  "summary_csf_mean": 20931.36500083509,
  "summary_csf_median": 22210.916544795036,
  "summary_csf_n": 25302.0,
  "summary_csf_p05": 12934.746962678433,
  "summary_csf_p95": 24230.1253554821,
  "summary_csf_stdv": 3735.594889940709,
  "summary_gm_k": 0.2754577970403824,
  "summary_gm_mad": 782.7508045102708,
  "summary_gm_mean": 8557.337731189931,
  "summary_gm_median": 8508.938701152802,
  "summary_gm_n": 376991.0,
  "summary_gm_p05": 7330.163509607315,
  "summary_gm_p95": 9965.005636692047,
  "summary_gm_stdv": 801.7953612048211,
  "summary_wm_k": 7.223610920832135,
  "summary_wm_mad": 766.3965009578228,
  "summary_wm_mean": 1421.9087028724175,
  "summary_wm_median": 1000.3803658485413,
  "summary_wm_n": 17550.0,
  "summary_wm_p05": 252.94788718223572,
  "summary_wm_p95": 4124.838313055037,
  "summary_wm_stdv": 1275.571766746479,
  "tpm_overlap_csf": 0.16579920965014402,
  "tpm_overlap_gm": 0.4167256831873846,
  "tpm_overlap_wm": 0.013933248124918387,
  "wm2max": 0.042063174730107955
}