{
  "bids_meta": {
    "AcquisitionMatrixPE": 256,
    "AcquisitionNumber": 1,
    "AcquisitionTime": "15:55:8.000000",
    "BodyPartExamined": "BRAIN",
    "CoilString": "32Ch Head",
    "ConversionSoftware": "dcm2niix",
    "ConversionSoftwareVersion": "v1.0.20211006",
    "Dcm2bidsVersion": "2.1.6",
    "DeviceSerialNumber": "000301496MR3T6MR",
    "EchoTime": 0.058984,
    "EchoTrainLength": 140,
    "FlipAngle": 90,
    "ImageOrientationPatientDICOM": [
      0,
      1,
      0,
      0,
      0,
      -1
    ],
    "ImageType": [
      "ORIGINAL",
      "PRIMARY",
      "OTHER"
    ],
    "ImagingFrequency": 127.697,
    "InPlanePhaseEncodingDirectionDICOM": "ROW",
    "InstitutionName": "NIH FMRIF",
    "MRAcquisitionType": "3D",
    "MagneticFieldStrength": 3,
    "Manufacturer": "GE",
    "ManufacturersModelName": "DISCOVERY MR750",
    "Modality": "MR",
    "ParallelReductionFactorInPlane": 2,
    "ParallelReductionOutOfPlane": 1.5,
    "PatientPosition": "HFS",
    "PercentPhaseFOV": 100,
    "PercentSampling": 100,
    "PhaseEncodingAxis": "i",
    "PixelBandwidth": 244.141,
    "ProcedureStepDescription": "MRI Brain",
    "ProtocolName": "ADNI3 FMRIF Enhanced Pro",
    "ReconMatrixPE": 256,
    "RepetitionTime": 3.202,
    "SAR": 0.3903,
    "ScanOptions": "SAT_GEMS\\EDR_GEMS\\PROMO_GEMS\\ACC_GEMS\\FS\\FR_GEMS",
    "ScanningSequence": "RM",
    "SequenceVariant": "NONE",
    "SeriesDescription": "ORIG Anat T2w CUBE (ABCD)",
    "SeriesNumber": 40004,
    "SliceThickness": 1,
    "SoftwareVersions": "27\\LX\\MR Software release:DV26.0_R03_1831.b",
    "SpacingBetweenSlices": 1,
    "StationName": "FMRI3tb",
    "acq_id": "CUBE",
    "dataset": "ds004215",
    "modality": "T2w",
    "session_id": "01",
    "subject_id": "ON30080"
  },
  "cjv": 8.459481669594851,
  "cnr": 0.11815524551505407,
  "efc": 0.41125884489468983,
  "fber": 4941.080217331583,
  "fwhm_avg": 2.3332633333333335,
  "fwhm_x": 1.89112,
  "fwhm_y": 2.66419,
  "fwhm_z": 2.44448,
  "icvs_csf": 0.16449698134180424,
  "icvs_gm": 0.6265884506164322,
  "icvs_wm": 0.20891456804176356,
  "inu_med": 0.9033926725387573,
  "inu_range": 0.4997658133506776,
  "provenance": {
    "md5sum": "19a78d0456b855833a930c14997cafa0",
    "settings": {
      "testing": false
    },
    "software": "mriqc",
    "version": "22.0.6",
    "warnings": {
      "large_rot_frame": true,
      "small_air_mask": false
    },
    "webapi_port": null,
    "webapi_url": "https://mriqc.nimh.nih.gov/api/v1"
  },
  "qi_1": 0.0,
  "qi_2": 0.00593919044878518,
  "rpve_csf": 29.674227408378485,
  "rpve_gm": 11.96402312940779,
  "rpve_wm": 35.16609555641076,
  "size_x": 204,
  "size_y": 256,
  "size_z": 256,
  "snr_csf": 6.9815065324951,
  "snr_gm": 11.032436282504975,
  "snr_total": 6.225842187996574,
  "snr_wm": 0.6635837489896473,
  "snrd_csf": 64.63467437237306,
  "snrd_gm": 42.473986420888124,
  "snrd_total": 47.71624245361577,
  "snrd_wm": 36.04006656758613,
  "spacing_x": 1.0,
  "spacing_y": 1.0,
  "spacing_z": 1.0,
  "summary_bg_k": 167.576393144101,
  "summary_bg_mad": 18.500486743319943,
  "summary_bg_mean": 16.21640688233415,
  "summary_bg_median": 12.47838868200779,
  "summary_bg_n": 3670750.0,
  "summary_bg_p05": 0.0,
  "summary_bg_p95": 48.18462135642767,
  "summary_bg_stdv": 23.077918470710262,
  "summary_csf_k": 0.4906733872844682,
  "summary_csf_mad": 220.55700762066365,
  "summary_csf_mean": 1864.365148082818,
  "summary_csf_median": 1825.2274433001876,
  "summary_csf_n": 1330.0,
  "summary_csf_p05": 1504.995155921951,
  "summary_csf_p95": 2375.3063882298766,
  "summary_csf_stdv": 261.3391722901739,
  "summary_gm_k": 0.03438523811537175,
  "summary_gm_mad": 109.21974101478038,
  "summary_gm_mean": 1203.7404901841112,
  "summary_gm_median": 1199.4287337958813,
  "summary_gm_n": 320682.0,
  "summary_gm_p05": 1032.5490779280663,
  "summary_gm_p95": 1388.1079843491316,
  "summary_gm_stdv": 108.71822260825124,
  "summary_wm_k": -1.612787464727867,
  "summary_wm_mad": 1427.7694919799505,
  "summary_wm_mean": 1673.6045370348115,
  "summary_wm_median": 1017.7403877452016,
  "summary_wm_n": 47839.0,
  "summary_wm_p05": 55.25069687515497,
  "summary_wm_p95": 4032.3386828795074,
  "summary_wm_stdv": 1533.6869718374824,
  "tpm_overlap_csf": 0.11241691448080547,
  "tpm_overlap_gm": 0.39331952203852416,
  "tpm_overlap_wm": 0.042965732111080575,
  "wm2max": 0.255236120275238
}