{
  "bids_meta": {
    "AcquisitionMatrixPE": 256,
    "AcquisitionNumber": 1,
    "AcquisitionTime": "15:48:10.000000",
    "BodyPartExamined": "BRAIN",
    "CoilString": "32Ch Head",
    "ConversionSoftware": "dcm2niix",
    "ConversionSoftwareVersion": "v1.0.20211006",
    "Dcm2bidsVersion": "2.1.6",
    "DeviceSerialNumber": "000301496MR3T6MR",
    "EchoTime": 0.00292,
    "FlipAngle": 8,
    "ImageOrientationPatientDICOM": [
      0,
      1,
      0,
      0,
      0,
      -1
    ],
    "ImageType": [
      "ORIGINAL",
      "PRIMARY",
      "OTHER"
    ],
    "ImagingFrequency": 127.697,
    "InPlanePhaseEncodingDirectionDICOM": "ROW",
    "InstitutionName": "NIH FMRIF",
    "InversionTime": 1.06,
    "MRAcquisitionType": "3D",
    "MagneticFieldStrength": 3,
    "Manufacturer": "GE",
    "ManufacturersModelName": "DISCOVERY MR750",
    "Modality": "MR",
    "ParallelReductionFactorInPlane": 2,
    "ParallelReductionOutOfPlane": 2,
    "PatientPosition": "HFS",
    "PercentPhaseFOV": 100,
    "PercentSampling": 100,
    "PixelBandwidth": 244.141,
    "ProcedureStepDescription": "MRI Brain",
    "ProtocolName": "ADNI3 FMRIF Enhanced Pro",
    "ReconMatrixPE": 256,
    "RepetitionTime": 0.006952,
    "SAR": 0.135236,
    "ScanOptions": "EDR_GEMS\\PROMO_GEMS\\FILTERED_GEMS\\ACC_GEMS\\IR_GEMS",
    "ScanningSequence": "RM",
    "SequenceVariant": "NONE",
    "SeriesDescription": "Anat T1w MP-RAGE 1mm (ABCD)",
    "SeriesNumber": 3,
    "SliceThickness": 1,
    "SoftwareVersions": "27\\LX\\MR Software release:DV26.0_R03_1831.b",
    "SpacingBetweenSlices": 1,
    "StationName": "FMRI3tb",
    "acq_id": "MPRAGE",
    "dataset": "ds004215",
    "modality": "T1w",
    "rec_id": "SCIC",
    "session_id": "01",
    "subject_id": "ON30080"
  },
  "cjv": 0.37678029667819674,
  "cnr": 3.5100402588889064,
  "efc": 0.6621741835059413,
  "fber": 5983.742056517036,
  "fwhm_avg": 3.3246066666666665,
  "fwhm_x": 3.19281,
  "fwhm_y": 3.62393,
  "fwhm_z": 3.15708,
  "icvs_csf": 0.2408340499404073,
  "icvs_gm": 0.4066364484063288,
  "icvs_wm": 0.3525295016532639,
  "inu_med": 0.5040955543518066,
  "inu_range": 0.08682608604431152,
  "provenance": {
    "md5sum": "39b94de4773b501a780863df9196f4a5",
    "settings": {
      "testing": false
    },
    "software": "mriqc",
    "version": "22.0.6",
    "warnings": {
      "large_rot_frame": true,
      "small_air_mask": false
    },
    "webapi_port": null,
    "webapi_url": "https://mriqc.nimh.nih.gov/api/v1"
  },
  "qi_1": 0.0,
  "qi_2": 0.002118730910183186,
  "rpve_csf": 26.653513008409973,
  "rpve_gm": 15.838889600251862,
  "rpve_wm": 21.724558877465874,
  "size_x": 208,
  "size_y": 256,
  "size_z": 256,
  "snr_csf": 1.8142854068490537,
  "snr_gm": 8.18225170187046,
  "snr_total": 10.11572491170518,
  "snr_wm": 20.35063762639603,
  "snrd_csf": 19.1038984352941,
  "snrd_gm": 67.04441475448493,
  "snrd_total": 62.374517121465225,
  "snrd_wm": 100.97523817461663,
  "spacing_x": 1.0,
  "spacing_y": 1.0,
  "spacing_z": 1.0,
  "summary_bg_k": 35.500203681175265,
  "summary_bg_mad": 6.488089848883646,
  "summary_bg_mean": 8.805671449787118,
  "summary_bg_median": 4.3761501014232635,
  "summary_bg_n": 1002077.0,
  "summary_bg_p05": 0.0,
  "summary_bg_p95": 36.575663631781936,
  "summary_bg_stdv": 12.87695758926211,
  "summary_csf_k": 1.2058676722377841,
  "summary_csf_mad": 89.10064298154415,
  "summary_csf_mean": 210.67092214317879,
  "summary_csf_median": 189.19389841891825,
  "summary_csf_n": 39058.0,
  "summary_csf_p05": 79.86473935097456,
  "summary_csf_p95": 419.23145004296714,
  "summary_csf_stdv": 104.27878421349534,
  "summary_gm_k": 0.12897937258197345,
  "summary_gm_mad": 79.09202710670375,
  "summary_gm_mean": 663.6287921964743,
  "summary_gm_median": 663.9688876895234,
  "summary_gm_n": 25708.0,
  "summary_gm_p05": 529.5141622722149,
  "summary_gm_p95": 798.0755102578551,
  "summary_gm_stdv": 81.14587501009508,
  "summary_wm_k": 0.30388983406419134,
  "summary_wm_mad": 47.51788531369897,
  "summary_wm_mean": 999.6264408025077,
  "summary_wm_median": 1000.000027153641,
  "summary_wm_n": 201362.0,
  "summary_wm_p05": 918.0466707088053,
  "summary_wm_p95": 1079.3923412095755,
  "summary_wm_stdv": 49.138388802288745,
  "tpm_overlap_csf": 0.16311686337825929,
  "tpm_overlap_gm": 0.4476002385832875,
  "tpm_overlap_wm": 0.5135280176698424,
  "wm2max": 0.7085124374603622
}