{
  "aor": 0.002509949748743719,
  "aqi": 0.0025973110552763817,
  "bids_meta": {
    "AcquisitionMatrixPE": 64,
    "AcquisitionNumber": 1,
    "AcquisitionTime": "15:49:59.000000",
    "BodyPartExamined": "BRAIN",
    "CoilString": "32Ch Head",
    "ConversionSoftware": "dcm2niix",
    "ConversionSoftwareVersion": "v1.0.20211006",
    "Dcm2bidsVersion": "2.1.6",
    "DeviceSerialNumber": "000301496MR3T6MR",
    "EchoTime": 0.0169,
    "EffectiveEchoSpacing": 0.000416,
    "FlipAngle": 90,
    "ImageOrientationPatientDICOM": [
      1,
      0,
      0,
      0,
      1,
      0
    ],
    "ImageType": [
      "ORIGINAL",
      "PRIMARY",
      "OTHER"
    ],
    "ImagingFrequency": 127.697,
    "InPlanePhaseEncodingDirectionDICOM": "COL",
    "InstitutionName": "NIH FMRIF",
    "InternalPulseSequenceName": "EPI",
    "MRAcquisitionType": "2D",
    "MagneticFieldStrength": 3,
    "Manufacturer": "GE",
    "ManufacturersModelName": "DISCOVERY MR750",
    "Modality": "MR",
    "PatientPosition": "HFS",
    "PercentPhaseFOV": 100,
    "PercentSampling": 100,
    "PhaseEncodingDirection": "j",
    "PhaseEncodingPolarityGE": "Flipped",
    "PixelBandwidth": 7812.5,
    "ProcedureStepDescription": "MRI Brain",
    "ProtocolName": "ADNI3 FMRIF Enhanced Pro",
    "PulseSequenceName": "epi",
    "ReconMatrixPE": 64,
    "RepetitionTime": 3,
    "SAR": 0.184966,
    "ScanOptions": "MP_GEMS\\EPI_GEMS\\PFF",
    "ScanningSequence": "EP\\GR",
    "SequenceVariant": "SS",
    "SeriesDescription": "Axial rsfMRI with Eyes Open - RKV",
    "SeriesNumber": 10,
    "SliceThickness": 3.4,
    "SliceTiming": [
      0,
      1.5,
      0.0625,
      1.5625,
      0.125,
      1.625,
      0.1875,
      1.6875,
      0.25,
      1.75,
      0.3125,
      1.8125,
      0.375,
      1.875,
      0.4375,
      1.9375,
      0.5,
      2,
      0.5625,
      2.0625,
      0.625,
      2.125,
      0.6875,
      2.1875,
      0.75,
      2.25,
      0.8125,
      2.3125,
      0.875,
      2.375,
      0.9375,
      2.4375,
      1,
      2.5,
      1.0625,
      2.5625,
      1.125,
      2.625,
      1.1875,
      2.6875,
      1.25,
      2.75,
      1.3125,
      2.8125,
      1.375,
      2.875,
      1.4375,
      2.9375
    ],
    "SoftwareVersions": "27\\LX\\MR Software release:DV26.0_R03_1831.b",
    "SpacingBetweenSlices": 3.4,
    "StationName": "FMRI3tb",
    "TaskName": "Resting state with eyes open.",
    "TotalReadoutTime": 0.026208,
    "TriggerDelayTime": 599938,
    "dataset": "ds004215",
    "modality": "bold",
    "session_id": "01",
    "subject_id": "ON51005",
    "task_id": "rest"
  },
  "dummy_trs": 1,
  "dvars_nstd": 15.530344395050502,
  "dvars_std": 1.164197632020202,
  "dvars_vstd": 0.9858066992929294,
  "efc": 0.4798922888018329,
  "fber": 3913.814453125,
  "fd_mean": 0.09756692584931695,
  "fd_num": 9,
  "fd_perc": 4.522613065326633,
  "fwhm_avg": 2.649788315160437,
  "fwhm_x": 2.4704960000000002,
  "fwhm_y": 2.5173963636363634,
  "fwhm_z": 2.961472581844946,
  "gcor": 0.0376388,
  "gsr_x": -0.0050249542109668255,
  "gsr_y": 0.05952291935682297,
  "provenance": {
    "md5sum": "f669666076f058b2c0d04048b1705d5d",
    "settings": {
      "fd_thres": 0.2,
      "testing": false
    },
    "software": "mriqc",
    "version": "22.0.6",
    "webapi_port": null,
    "webapi_url": "https://mriqc.nimh.nih.gov/api/v1"
  },
  "size_t": 199,
  "size_x": 64,
  "size_y": 64,
  "size_z": 48,
  "snr": 4.170055781658731,
  "spacing_tr": 3.0,
  "spacing_x": 3.4375,
  "spacing_y": 3.4375,
  "spacing_z": 3.3999977111816406,
  "summary_bg_k": 46.325621272734985,
  "summary_bg_mad": 13.857487219849551,
  "summary_bg_mean": 145.0938720703125,
  "summary_bg_median": 36.9698486328125,
  "summary_bg_n": 132239.0,
  "summary_bg_p05": 23.94472312927246,
  "summary_bg_p95": 659.1065368652343,
  "summary_bg_stdv": 274.5594787597656,
  "summary_fg_k": 1.6250446435069286,
  "summary_fg_mad": 495.6584265707862,
  "summary_fg_mean": 2332.54541015625,
  "summary_fg_median": 2268.683349609375,
  "summary_fg_n": 27729.0,
  "summary_fg_p05": 1553.0502685546876,
  "summary_fg_p95": 3294.504443359375,
  "summary_fg_stdv": 544.0316772460938,
  "tsnr": 98.54600791214034
}