{
  "aor": 0.007287587939698492,
  "aqi": 0.006048549899497487,
  "bids_meta": {
    "AcquisitionMatrixPE": 64,
    "AcquisitionNumber": 1,
    "AcquisitionTime": "15:05:10.000000",
    "BodyPartExamined": "BRAIN",
    "CoilString": "32Ch Head",
    "ConversionSoftware": "dcm2niix",
    "ConversionSoftwareVersion": "v1.0.20211006",
    "Dcm2bidsVersion": "2.1.6",
    "DeviceSerialNumber": "000301496MR3T6MR",
    "EchoTime": 0.0169,
    "EffectiveEchoSpacing": 0.000416,
    "FlipAngle": 90,
    "ImageOrientationPatientDICOM": [
      1,
      0,
      0,
      0,
      1,
      0
    ],
    "ImageType": [
      "ORIGINAL",
      "PRIMARY",
      "OTHER"
    ],
    "ImagingFrequency": 127.696,
    "InPlanePhaseEncodingDirectionDICOM": "COL",
    "InstitutionName": "NIH FMRIF",
    "InternalPulseSequenceName": "EPI",
    "MRAcquisitionType": "2D",
    "MagneticFieldStrength": 3,
    "Manufacturer": "GE",
    "ManufacturersModelName": "DISCOVERY MR750",
    "Modality": "MR",
    "PatientPosition": "HFS",
    "PercentPhaseFOV": 100,
    "PercentSampling": 100,
    "PhaseEncodingDirection": "j",
    "PhaseEncodingPolarityGE": "Flipped",
    "PixelBandwidth": 7812.5,
    "ProcedureStepDescription": "MRI Brain",
    "ProtocolName": "ADNI3 FMRIF Enhanced Pro",
    "PulseSequenceName": "epi",
    "ReconMatrixPE": 64,
    "RepetitionTime": 3,
    "SAR": 0.269363,
    "ScanOptions": "MP_GEMS\\EPI_GEMS\\PFF",
    "ScanningSequence": "EP\\GR",
    "SequenceVariant": "SS",
    "SeriesDescription": "Axial rsfMRI with Eyes Open - RKV",
    "SeriesNumber": 10,
    "SliceThickness": 3.4,
    "SliceTiming": [
      0,
      1.5,
      0.0625,
      1.5625,
      0.125,
      1.625,
      0.1875,
      1.6875,
      0.25,
      1.75,
      0.3125,
      1.8125,
      0.375,
      1.875,
      0.4375,
      1.9375,
      0.5,
      2,
      0.5625,
      2.0625,
      0.625,
      2.125,
      0.6875,
      2.1875,
      0.75,
      2.25,
      0.8125,
      2.3125,
      0.875,
      2.375,
      0.9375,
      2.4375,
      1,
      2.5,
      1.0625,
      2.5625,
      1.125,
      2.625,
      1.1875,
      2.6875,
      1.25,
      2.75,
      1.3125,
      2.8125,
      1.375,
      2.875,
      1.4375,
      2.9375
    ],
    "SoftwareVersions": "27\\LX\\MR Software release:DV26.0_R03_1831.b",
    "SpacingBetweenSlices": 3.4,
    "StationName": "FMRI3tb",
    "TaskName": "Resting state with eyes open.",
    "TotalReadoutTime": 0.026208,
    "TriggerDelayTime": 599938,
    "dataset": "ds004215",
    "modality": "bold",
    "session_id": "01",
    "subject_id": "ON12688",
    "task_id": "rest"
  },
  "dummy_trs": 1,
  "dvars_nstd": 32.40413482287882,
  "dvars_std": 1.2714878285858575,
  "dvars_vstd": 1.0287869618686867,
  "efc": 0.5030788424230183,
  "fber": 2674.28955078125,
  "fd_mean": 0.39305410984764294,
  "fd_num": 148,
  "fd_perc": 74.37185929648241,
  "fwhm_avg": 2.8662762921186413,
  "fwhm_x": 2.7725469090909094,
  "fwhm_y": 2.6791069090909088,
  "fwhm_z": 3.147175058174107,
  "gcor": 0.0696629,
  "gsr_x": 4.169701423961669e-05,
  "gsr_y": 0.05547768250107765,
  "provenance": {
    "md5sum": "68e72024e6bdad98d0fd83924b2dbc9e",
    "settings": {
      "fd_thres": 0.2,
      "testing": false
    },
    "software": "mriqc",
    "version": "22.0.6",
    "webapi_port": null,
    "webapi_url": "https://mriqc.nimh.nih.gov/api/v1"
  },
  "size_t": 199,
  "size_x": 64,
  "size_y": 64,
  "size_z": 48,
  "snr": 3.6942380679953875,
  "spacing_tr": 3.0,
  "spacing_x": 3.4375,
  "spacing_y": 3.4375,
  "spacing_z": 3.4000015258789062,
  "summary_bg_k": 20.96136864446059,
  "summary_bg_mad": 31.745570166276735,
  "summary_bg_mean": 214.9830780029297,
  "summary_bg_median": 51.61809158325195,
  "summary_bg_n": 129834.0,
  "summary_bg_p05": 27.150753021240234,
  "summary_bg_p95": 1022.8459564208976,
  "summary_bg_stdv": 396.48486328125,
  "summary_fg_k": 2.4574751846074454,
  "summary_fg_mad": 594.3111980677304,
  "summary_fg_mean": 2690.84375,
  "summary_fg_median": 2585.77392578125,
  "summary_fg_n": 29066.0,
  "summary_fg_p05": 1740.4823913574219,
  "summary_fg_p95": 3947.1331787109375,
  "summary_fg_stdv": 699.935791015625,
  "tsnr": 57.5030238814652
}