{
  "aor": 0.00714030150753769,
  "aqi": 0.003370322100502513,
  "bids_meta": {
    "AcquisitionMatrixPE": 64,
    "AcquisitionNumber": 1,
    "AcquisitionTime": "16:35:9.000000",
    "BodyPartExamined": "BRAIN",
    "CoilString": "32Ch Head",
    "ConversionSoftware": "dcm2niix",
    "ConversionSoftwareVersion": "v1.0.20211006",
    "Dcm2bidsVersion": "2.1.6",
    "DeviceSerialNumber": "000301496MR3T6MR",
    "EchoTime": 0.0169,
    "EffectiveEchoSpacing": 0.000416,
    "FlipAngle": 90,
    "ImageOrientationPatientDICOM": [
      1,
      0,
      0,
      0,
      1,
      0
    ],
    "ImageType": [
      "ORIGINAL",
      "PRIMARY",
      "OTHER"
    ],
    "ImagingFrequency": 127.697,
    "InPlanePhaseEncodingDirectionDICOM": "COL",
    "InstitutionName": "NIH FMRIF",
    "InternalPulseSequenceName": "EPI",
    "MRAcquisitionType": "2D",
    "MagneticFieldStrength": 3,
    "Manufacturer": "GE",
    "ManufacturersModelName": "DISCOVERY MR750",
    "Modality": "MR",
    "PatientPosition": "HFS",
    "PercentPhaseFOV": 100,
    "PercentSampling": 100,
    "PhaseEncodingDirection": "j",
    "PhaseEncodingPolarityGE": "Flipped",
    "PixelBandwidth": 7812.5,
    "ProcedureStepDescription": "MRI Brain",
    "ProtocolName": "ADNI3 FMRIF Enhanced Pro",
    "PulseSequenceName": "epi",
    "ReconMatrixPE": 64,
    "RepetitionTime": 3,
    "SAR": 0.157459,
    "ScanOptions": "MP_GEMS\\EPI_GEMS\\PFF",
    "ScanningSequence": "EP\\GR",
    "SequenceVariant": "SS",
    "SeriesDescription": "Axial rsfMRI with Eyes Open - RKV",
    "SeriesNumber": 10,
    "SliceThickness": 3.4,
    "SliceTiming": [
      0,
      1.5,
      0.0625,
      1.5625,
      0.125,
      1.625,
      0.1875,
      1.6875,
      0.25,
      1.75,
      0.3125,
      1.8125,
      0.375,
      1.875,
      0.4375,
      1.9375,
      0.5,
      2,
      0.5625,
      2.0625,
      0.625,
      2.125,
      0.6875,
      2.1875,
      0.75,
      2.25,
      0.8125,
      2.3125,
      0.875,
      2.375,
      0.9375,
      2.4375,
      1,
      2.5,
      1.0625,
      2.5625,
      1.125,
      2.625,
      1.1875,
      2.6875,
      1.25,
      2.75,
      1.3125,
      2.8125,
      1.375,
      2.875,
      1.4375,
      2.9375
    ],
    "SoftwareVersions": "27\\LX\\MR Software release:DV26.0_R03_1831.b",
    "SpacingBetweenSlices": 3.4,
    "StationName": "FMRI3tb",
    "TaskName": "Resting state with eyes open.",
    "TotalReadoutTime": 0.026208,
    "TriggerDelayTime": 599938,
    "dataset": "ds004215",
    "modality": "bold",
    "session_id": "01",
    "subject_id": "ON33159",
    "task_id": "rest"
  },
  "dummy_trs": 1,
  "dvars_nstd": 11.307480612222221,
  "dvars_std": 1.1495226726767673,
  "dvars_vstd": 0.9479756615151508,
  "efc": 0.4658873738922846,
  "fber": 4640.818359375,
  "fd_mean": 0.0681047330874658,
  "fd_num": 8,
  "fd_perc": 4.0201005025125625,
  "fwhm_avg": 2.738622989591185,
  "fwhm_x": 2.7129658181818184,
  "fwhm_y": 2.5139927272727274,
  "fwhm_z": 2.9889104233190094,
  "gcor": 0.0552598,
  "gsr_x": -5.3092517191544175e-05,
  "gsr_y": 0.02644767425954342,
  "provenance": {
    "md5sum": "13d91f1abf7968d5800f8c476db4e692",
    "settings": {
      "fd_thres": 0.2,
      "testing": false
    },
    "software": "mriqc",
    "version": "22.0.6",
    "webapi_port": null,
    "webapi_url": "https://mriqc.nimh.nih.gov/api/v1"
  },
  "size_t": 199,
  "size_x": 64,
  "size_y": 64,
  "size_z": 48,
  "snr": 3.8758556047928,
  "spacing_tr": 3.0,
  "spacing_x": 3.4375,
  "spacing_y": 3.4375,
  "spacing_z": 3.4000015258789062,
  "summary_bg_k": 16.572904091025304,
  "summary_bg_mad": 13.626529099518727,
  "summary_bg_mean": 140.27008056640625,
  "summary_bg_median": 35.71859359741211,
  "summary_bg_n": 133448.0,
  "summary_bg_p05": 19.28643226623535,
  "summary_bg_p95": 750.6806335449215,
  "summary_bg_stdv": 278.5185546875,
  "summary_fg_k": 2.4589121076809652,
  "summary_fg_mad": 519.000181444727,
  "summary_fg_mean": 2505.20361328125,
  "summary_fg_median": 2408.15576171875,
  "summary_fg_n": 26847.0,
  "summary_fg_p05": 1651.9828979492188,
  "summary_fg_p95": 3644.486425781249,
  "summary_fg_stdv": 621.310791015625,
  "tsnr": 87.31392137263902
}