{
  "bids_meta": {
    "AcquisitionMatrixPE": 256,
    "AcquisitionNumber": 1,
    "AcquisitionTime": "14:19:9.000000",
    "BodyPartExamined": "BRAIN",
    "CoilString": "32Ch Head",
    "ConversionSoftware": "dcm2niix",
    "ConversionSoftwareVersion": "v1.0.20211006",
    "Dcm2bidsVersion": "2.1.6",
    "DeviceSerialNumber": "000301496MR3T6MR",
    "EchoTime": 0.066562,
    "EchoTrainLength": 140,
    "FlipAngle": 90,
    "ImageOrientationPatientDICOM": [
      0,
      1,
      0,
      0,
      0,
      -1
    ],
    "ImageType": [
      "ORIGINAL",
      "PRIMARY",
      "OTHER"
    ],
    "ImagingFrequency": 127.697,
    "InPlanePhaseEncodingDirectionDICOM": "ROW",
    "InstitutionName": "NIH FMRIF",
    "MRAcquisitionType": "3D",
    "MagneticFieldStrength": 3,
    "Manufacturer": "GE",
    "ManufacturersModelName": "DISCOVERY MR750",
    "Modality": "MR",
    "ParallelReductionFactorInPlane": 2,
    "ParallelReductionOutOfPlane": 1.5,
    "PatientPosition": "HFS",
    "PercentPhaseFOV": 100,
    "PercentSampling": 100,
    "PhaseEncodingAxis": "i",
    "PixelBandwidth": 244.141,
    "ProcedureStepDescription": "MRI Brain",
    "ProtocolName": "ADNI3 FMRIF Enhanced Pro",
    "ReconMatrixPE": 256,
    "RepetitionTime": 3.202,
    "SAR": 0.4305,
    "ScanOptions": "SAT_GEMS\\EDR_GEMS\\PROMO_GEMS\\ACC_GEMS\\FS\\FR_GEMS",
    "ScanningSequence": "RM",
    "SequenceVariant": "NONE",
    "SeriesDescription": "Sag_CUBE_T2",
    "SeriesNumber": 4,
    "SliceThickness": 1,
    "SoftwareVersions": "27\\LX\\MR Software release:DV26.0_R01_1725.a",
    "SpacingBetweenSlices": 1,
    "StationName": "fmrif3tb",
    "acq_id": "CUBE",
    "dataset": "ds004215",
    "modality": "T2w",
    "session_id": "01",
    "subject_id": "ON50636"
  },
  "cjv": 0.24098650130856222,
  "cnr": 4.810147746778395,
  "efc": 0.38620763181568174,
  "fber": 5225.356038784535,
  "fwhm_avg": 2.4929233333333336,
  "fwhm_x": 2.05994,
  "fwhm_y": 2.74303,
  "fwhm_z": 2.6758,
  "icvs_csf": 0.225049899868663,
  "icvs_gm": 0.7043611925770705,
  "icvs_wm": 0.07058890755426644,
  "inu_med": 0.8657441735267639,
  "inu_range": 0.44007900655269605,
  "provenance": {
    "md5sum": "d6d693f03897c7dcaf6fa1fe75aa29c2",
    "settings": {
      "testing": false
    },
    "software": "mriqc",
    "version": "22.0.6",
    "warnings": {
      "large_rot_frame": true,
      "small_air_mask": false
    },
    "webapi_port": null,
    "webapi_url": "https://mriqc.nimh.nih.gov/api/v1"
  },
  "qi_1": 0.0003333146265138039,
  "qi_2": 0.007032617871384804,
  "rpve_csf": 27.305955647122317,
  "rpve_gm": 11.562956751241128,
  "rpve_wm": 95.09698260510308,
  "size_x": 204,
  "size_y": 256,
  "size_z": 256,
  "snr_csf": 5.080826877968068,
  "snr_gm": 8.882221416218789,
  "snr_total": 4.973651155850728,
  "snr_wm": 0.9579051733653284,
  "snrd_csf": 116.70031696186771,
  "snrd_gm": 40.47399119754656,
  "snrd_total": 54.18471794540991,
  "snrd_wm": 5.379845676815434,
  "spacing_x": 1.0,
  "spacing_y": 1.0,
  "spacing_z": 1.0,
  "summary_bg_k": 131.102896304171,
  "summary_bg_mad": 121.77605917028608,
  "summary_bg_mean": 109.16176623066077,
  "summary_bg_median": 82.13670372962952,
  "summary_bg_n": 4142659.0,
  "summary_bg_p05": 0.0,
  "summary_bg_p95": 341.1832308769226,
  "summary_bg_stdv": 178.7955025171002,
  "summary_csf_k": 2.7027265682803625,
  "summary_csf_mad": 3075.9099700914217,
  "summary_csf_mean": 21197.474507337272,
  "summary_csf_median": 21692.131140232086,
  "summary_csf_n": 44566.0,
  "summary_csf_p05": 13017.949562966824,
  "summary_csf_p95": 27200.89051991701,
  "summary_csf_stdv": 4269.361717887514,
  "summary_gm_k": -0.018877264044232067,
  "summary_gm_mad": 852.4324141920025,
  "summary_gm_mean": 7584.662545524944,
  "summary_gm_median": 7523.262555599213,
  "summary_gm_n": 453554.0,
  "summary_gm_p05": 6300.976502895355,
  "summary_gm_p95": 9084.434309005737,
  "summary_gm_stdv": 847.0014323419501,
  "summary_wm_k": 5.474528174730068,
  "summary_wm_mad": 719.585804188054,
  "summary_wm_mean": 1318.73674545397,
  "summary_wm_median": 1000.0000083446503,
  "summary_wm_n": 16069.0,
  "summary_wm_p05": 296.61114549636847,
  "summary_wm_p95": 3471.5680932998657,
  "summary_wm_stdv": 1043.9121949139444,
  "tpm_overlap_csf": 0.151561025012887,
  "tpm_overlap_gm": 0.42338164106345316,
  "tpm_overlap_wm": 0.019187082455813215,
  "wm2max": 0.03603286627894944
}