{
  "bids_meta": {
    "AcquisitionMatrixPE": 256,
    "AcquisitionNumber": 1,
    "AcquisitionTime": "14:13:13.000000",
    "BodyPartExamined": "BRAIN",
    "CoilString": "32Ch Head",
    "ConversionSoftware": "dcm2niix",
    "ConversionSoftwareVersion": "v1.0.20211006",
    "Dcm2bidsVersion": "2.1.6",
    "DeviceSerialNumber": "000301496MR3T6MR",
    "EchoTime": 0.003036,
    "FlipAngle": 11,
    "ImageOrientationPatientDICOM": [
      0,
      1,
      0,
      0,
      0,
      -1
    ],
    "ImageType": [
      "ORIGINAL",
      "PRIMARY",
      "OTHER"
    ],
    "ImagingFrequency": 127.697,
    "InPlanePhaseEncodingDirectionDICOM": "ROW",
    "InstitutionName": "NIH FMRIF",
    "InversionTime": 0.4,
    "MRAcquisitionType": "3D",
    "MagneticFieldStrength": 3,
    "Manufacturer": "GE",
    "ManufacturersModelName": "DISCOVERY MR750",
    "Modality": "MR",
    "ParallelReductionFactorInPlane": 1.72974,
    "PatientPosition": "HFS",
    "PercentPhaseFOV": 100,
    "PercentSampling": 100,
    "PixelBandwidth": 244.141,
    "ProcedureStepDescription": "MRI Brain",
    "ProtocolName": "ADNI3 FMRIF Enhanced Pro",
    "ReconMatrixPE": 256,
    "RepetitionTime": 0.007348,
    "SAR": 0.196347,
    "ScanOptions": "FAST_GEMS\\EDR_GEMS\\FILTERED_GEMS\\ACC_GEMS\\IR_GEMS",
    "ScanningSequence": "GR",
    "SequenceVariant": "SS\\SP\\SK",
    "SeriesDescription": "Accelerated Sagittal IR-FSPGR",
    "SeriesNumber": 3,
    "SliceThickness": 1.2,
    "SoftwareVersions": "27\\LX\\MR Software release:DV26.0_R01_1725.a",
    "SpacingBetweenSlices": 1.2,
    "SpoilingState": true,
    "StationName": "fmrif3tb",
    "acq_id": "FSPGR",
    "dataset": "ds004215",
    "modality": "T1w",
    "rec_id": "SCIC",
    "session_id": "01",
    "subject_id": "ON50636"
  },
  "cjv": 0.30781816849892535,
  "cnr": 4.2504731817844466,
  "efc": 0.5648845407191315,
  "fber": 10558.50807331853,
  "fwhm_avg": 3.4313244479372176,
  "fwhm_x": 3.086350439054188,
  "fwhm_y": 3.781132014614356,
  "fwhm_z": 3.426490890143109,
  "icvs_csf": 0.2509489498322306,
  "icvs_gm": 0.43384515102626103,
  "icvs_wm": 0.31520589914150837,
  "inu_med": 0.5705345273017883,
  "inu_range": 0.11311753392219548,
  "provenance": {
    "md5sum": "2d0734b7fc475317e4a7800f3074d394",
    "settings": {
      "testing": false
    },
    "software": "mriqc",
    "version": "22.0.6",
    "warnings": {
      "large_rot_frame": true,
      "small_air_mask": false
    },
    "webapi_port": null,
    "webapi_url": "https://mriqc.nimh.nih.gov/api/v1"
  },
  "qi_1": 4.166543139346029e-05,
  "qi_2": 0.0030438358671228535,
  "rpve_csf": 32.58805022627318,
  "rpve_gm": 19.023062100389726,
  "rpve_wm": 29.7825883405189,
  "size_x": 196,
  "size_y": 256,
  "size_z": 256,
  "snr_csf": 2.069754825882569,
  "snr_gm": 10.35641799548319,
  "snr_total": 11.772586044410943,
  "snr_wm": 22.89158531186707,
  "snrd_csf": 6.417559157389515,
  "snrd_gm": 20.956933672325587,
  "snrd_total": 19.708059602505415,
  "snrd_wm": 31.74968597780114,
  "spacing_x": 1.199005126953125,
  "spacing_y": 1.0547000169754028,
  "spacing_z": 1.0547000169754028,
  "summary_bg_k": 1369.1551061451487,
  "summary_bg_mad": 0.0,
  "summary_bg_mean": 7.429720156258451,
  "summary_bg_median": 0.0,
  "summary_bg_n": 1016199.0,
  "summary_bg_p05": 0.0,
  "summary_bg_p95": 28.452776730060577,
  "summary_bg_stdv": 20.634420895481206,
  "summary_csf_k": 1.3281635717258453,
  "summary_csf_mad": 91.07387276666586,
  "summary_csf_mean": 211.63625110350026,
  "summary_csf_median": 202.12984162569046,
  "summary_csf_n": 27455.0,
  "summary_csf_p05": 72.35310868769885,
  "summary_csf_p95": 390.5637006953358,
  "summary_csf_stdv": 97.65705481291216,
  "summary_gm_k": 0.08309788180055921,
  "summary_gm_mad": 63.12382546846218,
  "summary_gm_mean": 657.7075561873361,
  "summary_gm_median": 660.0674150809646,
  "summary_gm_n": 20714.0,
  "summary_gm_p05": 548.0860026180744,
  "summary_gm_p95": 757.6045205131172,
  "summary_gm_stdv": 63.73356910613583,
  "summary_wm_k": 0.6091878718179755,
  "summary_wm_mad": 41.51359260649227,
  "summary_wm_mean": 999.7662654165086,
  "summary_wm_median": 999.9999752193689,
  "summary_wm_n": 111561.0,
  "summary_wm_p05": 928.1279322654009,
  "summary_wm_p95": 1070.4740493744612,
  "summary_wm_stdv": 43.68397731012795,
  "tpm_overlap_csf": 0.1656258555045942,
  "tpm_overlap_gm": 0.4660465495713643,
  "tpm_overlap_wm": 0.4981198932510319,
  "wm2max": 0.4018241770160972
}