{
  "aor": 0.030566733668341707,
  "aqi": 0.006255438341708543,
  "bids_meta": {
    "AcquisitionMatrixPE": 64,
    "AcquisitionNumber": 1,
    "AcquisitionTime": "15:00:56.000000",
    "BodyPartExamined": "BRAIN",
    "CoilString": "32Ch Head",
    "ConversionSoftware": "dcm2niix",
    "ConversionSoftwareVersion": "v1.0.20211006",
    "Dcm2bidsVersion": "2.1.6",
    "DeviceSerialNumber": "000301496MR3T6MR",
    "EchoTime": 0.0169,
    "EffectiveEchoSpacing": 0.000416,
    "FlipAngle": 90,
    "ImageOrientationPatientDICOM": [
      1,
      0,
      0,
      0,
      1,
      0
    ],
    "ImageType": [
      "ORIGINAL",
      "PRIMARY",
      "OTHER"
    ],
    "ImagingFrequency": 127.697,
    "InPlanePhaseEncodingDirectionDICOM": "COL",
    "InstitutionName": "NIH FMRIF",
    "InternalPulseSequenceName": "EPI",
    "MRAcquisitionType": "2D",
    "MagneticFieldStrength": 3,
    "Manufacturer": "GE",
    "ManufacturersModelName": "DISCOVERY MR750",
    "Modality": "MR",
    "PatientPosition": "HFS",
    "PercentPhaseFOV": 100,
    "PercentSampling": 100,
    "PhaseEncodingDirection": "j",
    "PhaseEncodingPolarityGE": "Flipped",
    "PixelBandwidth": 7812.5,
    "ProcedureStepDescription": "MRI Brain",
    "ProtocolName": "ADNI3 FMRIF Enhanced Pro",
    "PulseSequenceName": "epi",
    "ReconMatrixPE": 64,
    "RepetitionTime": 3,
    "SAR": 0.204819,
    "ScanOptions": "MP_GEMS\\EPI_GEMS\\PFF",
    "ScanningSequence": "EP\\GR",
    "SequenceVariant": "SS",
    "SeriesDescription": "Axial rsfMRI with Eyes Open - RKV",
    "SeriesNumber": 11,
    "SliceThickness": 3.4,
    "SliceTiming": [
      0,
      1.5,
      0.0625,
      1.5625,
      0.125,
      1.625,
      0.1875,
      1.6875,
      0.25,
      1.75,
      0.3125,
      1.8125,
      0.375,
      1.875,
      0.4375,
      1.9375,
      0.5,
      2,
      0.5625,
      2.0625,
      0.625,
      2.125,
      0.6875,
      2.1875,
      0.75,
      2.25,
      0.8125,
      2.3125,
      0.875,
      2.375,
      0.9375,
      2.4375,
      1,
      2.5,
      1.0625,
      2.5625,
      1.125,
      2.625,
      1.1875,
      2.6875,
      1.25,
      2.75,
      1.3125,
      2.8125,
      1.375,
      2.875,
      1.4375,
      2.9375
    ],
    "SoftwareVersions": "27\\LX\\MR Software release:DV26.0_R01_1725.a",
    "SpacingBetweenSlices": 3.4,
    "StationName": "fmrif3tb",
    "TaskName": "Resting state with eyes open.",
    "TotalReadoutTime": 0.026208,
    "TriggerDelayTime": 599938,
    "dataset": "ds004215",
    "modality": "bold",
    "session_id": "01",
    "subject_id": "ON48190",
    "task_id": "rest"
  },
  "dummy_trs": 1,
  "dvars_nstd": 26.25494305065656,
  "dvars_std": 1.159730945151515,
  "dvars_vstd": 1.1137625191919196,
  "efc": 0.5085137972254336,
  "fber": 3240.091552734375,
  "fd_mean": 0.28231889837840907,
  "fd_num": 91,
  "fd_perc": 45.7286432160804,
  "fwhm_avg": 2.598663379157959,
  "fwhm_x": 2.519642181818182,
  "fwhm_y": 2.4846050909090907,
  "fwhm_z": 2.7917428647466034,
  "gcor": 0.208708,
  "gsr_x": 0.024419639259576797,
  "gsr_y": 0.03586987033486366,
  "provenance": {
    "md5sum": "e8bd4b7dc668ae885fb74fea14a3674d",
    "settings": {
      "fd_thres": 0.2,
      "testing": false
    },
    "software": "mriqc",
    "version": "22.0.6",
    "webapi_port": null,
    "webapi_url": "https://mriqc.nimh.nih.gov/api/v1"
  },
  "size_t": 199,
  "size_x": 64,
  "size_y": 64,
  "size_z": 48,
  "snr": 4.561556279771675,
  "spacing_tr": 3.0,
  "spacing_x": 3.4375,
  "spacing_y": 3.4375,
  "spacing_z": 3.4000015258789062,
  "summary_bg_k": 13.522133272505496,
  "summary_bg_mad": 23.080912147734637,
  "summary_bg_mean": 182.7451629638672,
  "summary_bg_median": 43.743717193603516,
  "summary_bg_n": 128812.0,
  "summary_bg_p05": 22.050251007080078,
  "summary_bg_p95": 915.3324096679687,
  "summary_bg_stdv": 332.11578369140625,
  "summary_fg_k": 0.6797059443661886,
  "summary_fg_mad": 495.4052331499257,
  "summary_fg_mean": 2441.433837890625,
  "summary_fg_median": 2404.7587890625,
  "summary_fg_n": 30560.0,
  "summary_fg_p05": 1625.64716796875,
  "summary_fg_p95": 3349.262817382812,
  "summary_fg_stdv": 527.1708374023438,
  "tsnr": 43.88952317240182
}