{
  "bids_meta": {
    "AcquisitionMatrixPE": 256,
    "AcquisitionNumber": 1,
    "AcquisitionTime": "14:27:14.000000",
    "BodyPartExamined": "BRAIN",
    "CoilString": "32Ch Head",
    "ConversionSoftware": "dcm2niix",
    "ConversionSoftwareVersion": "v1.0.20211006",
    "Dcm2bidsVersion": "2.1.6",
    "DeviceSerialNumber": "000301496MR3T6MR",
    "EchoTime": 0.065753,
    "EchoTrainLength": 140,
    "FlipAngle": 90,
    "ImageOrientationPatientDICOM": [
      0,
      1,
      0,
      0,
      0,
      -1
    ],
    "ImageType": [
      "ORIGINAL",
      "PRIMARY",
      "OTHER"
    ],
    "ImagingFrequency": 127.697,
    "InPlanePhaseEncodingDirectionDICOM": "ROW",
    "InstitutionName": "NIH FMRIF",
    "MRAcquisitionType": "3D",
    "MagneticFieldStrength": 3,
    "Manufacturer": "GE",
    "ManufacturersModelName": "DISCOVERY MR750",
    "Modality": "MR",
    "ParallelReductionFactorInPlane": 2,
    "ParallelReductionOutOfPlane": 1.5,
    "PatientPosition": "HFS",
    "PercentPhaseFOV": 100,
    "PercentSampling": 100,
    "PhaseEncodingAxis": "i",
    "PixelBandwidth": 244.141,
    "ProcedureStepDescription": "MRI Brain",
    "ProtocolName": "ADNI3 FMRIF Enhanced Pro",
    "ReconMatrixPE": 256,
    "RepetitionTime": 3.202,
    "SAR": 0.4545,
    "ScanOptions": "SAT_GEMS\\EDR_GEMS\\PROMO_GEMS\\ACC_GEMS\\FS\\FR_GEMS",
    "ScanningSequence": "RM",
    "SequenceVariant": "NONE",
    "SeriesDescription": "Sag_CUBE_T2",
    "SeriesNumber": 7,
    "SliceThickness": 1,
    "SoftwareVersions": "27\\LX\\MR Software release:DV26.0_EB_1707.b",
    "SpacingBetweenSlices": 1,
    "StationName": "fmrif3tb",
    "acq_id": "CUBE",
    "dataset": "ds004215",
    "modality": "T2w",
    "session_id": "01",
    "subject_id": "ON35920"
  },
  "cjv": 2.3965063806163833,
  "cnr": 0.6796162386391637,
  "efc": 0.33475102450345695,
  "fber": -1.0,
  "fwhm_avg": 2.3185466666666668,
  "fwhm_x": 1.97346,
  "fwhm_y": 2.57045,
  "fwhm_z": 2.41173,
  "icvs_csf": 0.1592094955663079,
  "icvs_gm": 0.6242117854687718,
  "icvs_wm": 0.21657871896492037,
  "inu_med": 0.8958745002746582,
  "inu_range": 0.4997260272502899,
  "provenance": {
    "md5sum": "d4d7dbd8db8f9281b14e6a9f8741d74f",
    "settings": {
      "testing": false
    },
    "software": "mriqc",
    "version": "22.0.6",
    "warnings": {
      "large_rot_frame": true,
      "small_air_mask": false
    },
    "webapi_port": null,
    "webapi_url": "https://mriqc.nimh.nih.gov/api/v1"
  },
  "qi_1": 0.0,
  "qi_2": 0.02139346158751986,
  "rpve_csf": 36.62474532627185,
  "rpve_gm": 14.209404263157444,
  "rpve_wm": 39.420447527900315,
  "size_x": 204,
  "size_y": 256,
  "size_z": 256,
  "snr_csf": 8.016369343513524,
  "snr_gm": 9.080032105804966,
  "snr_total": 6.155588517905002,
  "snr_wm": 1.3703641043965176,
  "snrd_csf": 113.12627924634171,
  "snrd_gm": 75.47153647337004,
  "snrd_total": 112.91675885532534,
  "snrd_wm": 150.1524608462643,
  "spacing_x": 1.0,
  "spacing_y": 1.0,
  "spacing_z": 1.0,
  "summary_bg_k": 3.1686798408573793,
  "summary_bg_mad": 0.0,
  "summary_bg_mean": 2.8847338044962316,
  "summary_bg_median": 0.0,
  "summary_bg_n": 4234176.0,
  "summary_bg_p05": 0.0,
  "summary_bg_p95": 10.904447223991156,
  "summary_bg_stdv": 4.368713557267423,
  "summary_csf_k": 2.0529631066356195,
  "summary_csf_mad": 80.32501929455313,
  "summary_csf_mean": 770.7378158379123,
  "summary_csf_median": 754.3716237209737,
  "summary_csf_n": 736.0,
  "summary_csf_p05": 648.781863739714,
  "summary_csf_p95": 953.8607903532684,
  "summary_csf_stdv": 94.0399495706412,
  "summary_gm_k": -0.046509268267280746,
  "summary_gm_mad": 57.069845984132485,
  "summary_gm_mean": 505.47715896040364,
  "summary_gm_median": 503.27462277933955,
  "summary_gm_n": 261676.0,
  "summary_gm_p05": 419.14992332458496,
  "summary_gm_p95": 599.0241833887994,
  "summary_gm_stdv": 55.426418681903016,
  "summary_wm_k": -1.755693704127364,
  "summary_wm_mad": 1136.396329179574,
  "summary_wm_mean": 875.9152380127404,
  "summary_wm_median": 1001.2771254293621,
  "summary_wm_n": 51127.0,
  "summary_wm_p05": 27.614775807783012,
  "summary_wm_p95": 1844.4594137635079,
  "summary_wm_stdv": 730.6578814425079,
  "tpm_overlap_csf": 0.1036515948565289,
  "tpm_overlap_gm": 0.39054616679387777,
  "tpm_overlap_wm": 0.056124584114516235,
  "wm2max": 0.548702580483078
}