{
  "aor": 0.03967333333333334,
  "aqi": 0.001367186111111111,
  "bids_meta": {
    "AcquisitionMatrixPE": 64,
    "AcquisitionNumber": 1,
    "AcquisitionTime": "16:08:11.000000",
    "BodyPartExamined": "BRAIN",
    "CoilString": "32Ch Head",
    "ConversionSoftware": "dcm2niix",
    "ConversionSoftwareVersion": "v1.0.20211006",
    "Dcm2bidsVersion": "2.1.6",
    "DeviceSerialNumber": "000301496MR3T6MR",
    "EchoTime": 0.0169,
    "EffectiveEchoSpacing": 0.000416,
    "FlipAngle": 75,
    "ImageOrientationPatientDICOM": [
      1,
      0,
      0,
      0,
      1,
      0
    ],
    "ImageType": [
      "ORIGINAL",
      "PRIMARY",
      "OTHER"
    ],
    "ImagingFrequency": 127.697,
    "InPlanePhaseEncodingDirectionDICOM": "COL",
    "InstitutionName": "NIH FMRIF",
    "InternalPulseSequenceName": "EPI",
    "MRAcquisitionType": "2D",
    "MagneticFieldStrength": 3,
    "Manufacturer": "GE",
    "ManufacturersModelName": "DISCOVERY MR750",
    "Modality": "MR",
    "PatientPosition": "HFS",
    "PercentPhaseFOV": 100,
    "PercentSampling": 100,
    "PhaseEncodingDirection": "j-",
    "PhaseEncodingPolarityGE": "Unflipped",
    "PixelBandwidth": 7812.5,
    "ProcedureStepDescription": "MRI Brain",
    "ProtocolName": "ADNI3 FMRIF Enhanced Pro",
    "PulseSequenceName": "epi",
    "ReconMatrixPE": 64,
    "RepetitionTime": 3,
    "SAR": 0.25582,
    "ScanOptions": "MP_GEMS\\EPI_GEMS\\PFF",
    "ScanningSequence": "EP\\GR",
    "SequenceVariant": "SS",
    "SeriesDescription": "Axial rsfMRI reverse blip - RKV",
    "SeriesNumber": 12,
    "SliceThickness": 3.4,
    "SliceTiming": [
      0,
      1.5,
      0.0625,
      1.5625,
      0.125,
      1.625,
      0.1875,
      1.6875,
      0.25,
      1.75,
      0.3125,
      1.8125,
      0.375,
      1.875,
      0.4375,
      1.9375,
      0.5,
      2,
      0.5625,
      2.0625,
      0.625,
      2.125,
      0.6875,
      2.1875,
      0.75,
      2.25,
      0.8125,
      2.3125,
      0.875,
      2.375,
      0.9375,
      2.4375,
      1,
      2.5,
      1.0625,
      2.5625,
      1.125,
      2.625,
      1.1875,
      2.6875,
      1.25,
      2.75,
      1.3125,
      2.8125,
      1.375,
      2.875,
      1.4375,
      2.9375
    ],
    "SoftwareVersions": "27\\LX\\MR Software release:DV26.0_R01_1725.a",
    "SpacingBetweenSlices": 3.4,
    "StationName": "fmrif3tb",
    "TaskName": "Resting state with reverse blip.",
    "TotalReadoutTime": 0.026208,
    "TriggerDelayTime": 29938,
    "dataset": "ds004215",
    "modality": "bold",
    "session_id": "01",
    "subject_id": "ON23897",
    "task_id": "rest"
  },
  "dummy_trs": 1,
  "dvars_nstd": 20.170119525,
  "dvars_std": 1.43758198625,
  "dvars_vstd": 1.4492660475,
  "efc": 0.5205329814079017,
  "fber": 3634.138671875,
  "fd_mean": 0.15630349929296009,
  "fd_num": 2,
  "fd_perc": 22.22222222222222,
  "fwhm_avg": 2.557826236616522,
  "fwhm_x": 2.4955025454545456,
  "fwhm_y": 2.4700509090909093,
  "fwhm_z": 2.70792525530411,
  "gcor": 0.0978602,
  "gsr_x": 0.020642848685383797,
  "gsr_y": 0.0636349469423294,
  "provenance": {
    "md5sum": "61404fbb51911a7d2ecbf7259ff7522e",
    "settings": {
      "fd_thres": 0.2,
      "testing": false
    },
    "software": "mriqc",
    "version": "22.0.6",
    "webapi_port": null,
    "webapi_url": "https://mriqc.nimh.nih.gov/api/v1"
  },
  "size_t": 9,
  "size_x": 64,
  "size_y": 64,
  "size_z": 48,
  "snr": 4.576998300753503,
  "spacing_tr": 3.0,
  "spacing_x": 3.4375,
  "spacing_y": 3.4375,
  "spacing_z": 3.4000015258789062,
  "summary_bg_k": 16.441268202751896,
  "summary_bg_mad": 21.580098644043836,
  "summary_bg_mean": 211.13441467285156,
  "summary_bg_median": 44.0,
  "summary_bg_n": 125742.0,
  "summary_bg_p05": 24.44444465637207,
  "summary_bg_p95": 1063.7722717285153,
  "summary_bg_stdv": 396.7070007324219,
  "summary_fg_k": 0.32374461461463877,
  "summary_fg_mad": 522.2053676373215,
  "summary_fg_mean": 2639.637451171875,
  "summary_fg_median": 2573.77783203125,
  "summary_fg_n": 32306.0,
  "summary_fg_p05": 1798.3611450195312,
  "summary_fg_p95": 3664.7500610351562,
  "summary_fg_stdv": 562.320068359375,
  "tsnr": 136.77973128855228
}