{
  "bids_meta": {
    "AcquisitionMatrixPE": 256,
    "AcquisitionNumber": 1,
    "AcquisitionTime": "14:12:38.000000",
    "BodyPartExamined": "BRAIN",
    "CoilString": "32Ch Head",
    "ConversionSoftware": "dcm2niix",
    "ConversionSoftwareVersion": "v1.0.20211006",
    "Dcm2bidsVersion": "2.1.6",
    "DeviceSerialNumber": "000301496MR3T6MR",
    "EchoTime": 0.003036,
    "FlipAngle": 11,
    "ImageOrientationPatientDICOM": [
      0,
      1,
      0,
      0,
      0,
      -1
    ],
    "ImageType": [
      "ORIGINAL",
      "PRIMARY",
      "OTHER"
    ],
    "ImagingFrequency": 127.697,
    "InPlanePhaseEncodingDirectionDICOM": "ROW",
    "InstitutionName": "NIH FMRIF",
    "InversionTime": 0.4,
    "MRAcquisitionType": "3D",
    "MagneticFieldStrength": 3,
    "Manufacturer": "GE",
    "ManufacturersModelName": "DISCOVERY MR750",
    "Modality": "MR",
    "ParallelReductionFactorInPlane": 1.72974,
    "PatientPosition": "HFS",
    "PercentPhaseFOV": 100,
    "PercentSampling": 100,
    "PixelBandwidth": 244.141,
    "ProcedureStepDescription": "MRI Brain",
    "ProtocolName": "ADNI3 FMRIF Enhanced Pro",
    "ReconMatrixPE": 256,
    "RepetitionTime": 0.007348,
    "SAR": 0.266503,
    "ScanOptions": "FAST_GEMS\\EDR_GEMS\\FILTERED_GEMS\\ACC_GEMS\\IR_GEMS",
    "ScanningSequence": "GR",
    "SequenceVariant": "SS\\SP\\SK",
    "SeriesDescription": "Accelerated Sagittal IR-FSPGR",
    "SeriesNumber": 3,
    "SliceThickness": 1.2,
    "SoftwareVersions": "27\\LX\\MR Software release:DV26.0_R01_1725.a",
    "SpacingBetweenSlices": 1.2,
    "SpoilingState": true,
    "StationName": "fmrif3tb",
    "acq_id": "FSPGR",
    "dataset": "ds004215",
    "modality": "T1w",
    "rec_id": "SCIC",
    "session_id": "01",
    "subject_id": "ON59735"
  },
  "cjv": 0.3191995558770977,
  "cnr": 4.163507135584158,
  "efc": 0.580961211663994,
  "fber": 14415.588632147075,
  "fwhm_avg": 3.423954055176166,
  "fwhm_x": 3.2097877556314254,
  "fwhm_y": 3.6419644810620895,
  "fwhm_z": 3.4201099288349828,
  "icvs_csf": 0.2305686693719959,
  "icvs_gm": 0.4282425435716195,
  "icvs_wm": 0.3411887870563846,
  "inu_med": 0.39760294556617737,
  "inu_range": 0.04774816483259198,
  "provenance": {
    "md5sum": "fd56443d63aabbf99d12ea6041895cd2",
    "settings": {
      "testing": false
    },
    "software": "mriqc",
    "version": "22.0.6",
    "warnings": {
      "large_rot_frame": true,
      "small_air_mask": false
    },
    "webapi_port": null,
    "webapi_url": "https://mriqc.nimh.nih.gov/api/v1"
  },
  "qi_1": 0.0,
  "qi_2": 0.003917713956732812,
  "rpve_csf": 31.56819294264228,
  "rpve_gm": 17.770063177904508,
  "rpve_wm": 26.822987170156402,
  "size_x": 196,
  "size_y": 256,
  "size_z": 256,
  "snr_csf": 2.089877714268353,
  "snr_gm": 9.837438689773643,
  "snr_total": 12.207084281576627,
  "snr_wm": 24.693936440687885,
  "snrd_csf": 16.08455377547859,
  "snrd_gm": 49.13581235616952,
  "snrd_total": 46.23897094438729,
  "snrd_wm": 73.49654670151378,
  "spacing_x": 1.2000045776367188,
  "spacing_y": 1.0547000169754028,
  "spacing_z": 1.0547000169754028,
  "summary_bg_k": 30.55881320651249,
  "summary_bg_mad": 0.0,
  "summary_bg_mean": 5.758407516610455,
  "summary_bg_median": 0.0,
  "summary_bg_n": 1096589.0,
  "summary_bg_p05": 0.0,
  "summary_bg_p95": 21.89568743109703,
  "summary_bg_stdv": 8.913839660516107,
  "summary_csf_k": 1.0123509287560832,
  "summary_csf_mad": 93.61306396209676,
  "summary_csf_mean": 229.0183263514379,
  "summary_csf_median": 218.84775958955288,
  "summary_csf_n": 20089.0,
  "summary_csf_p05": 77.90791109204292,
  "summary_csf_p95": 427.5042041987179,
  "summary_csf_stdv": 104.71536735025704,
  "summary_gm_k": 0.21762196391888278,
  "summary_gm_mad": 66.05760561841505,
  "summary_gm_mean": 666.8680922253718,
  "summary_gm_median": 668.5458981245756,
  "summary_gm_n": 26344.0,
  "summary_gm_p05": 551.2530283369124,
  "summary_gm_p95": 776.849533446133,
  "summary_gm_stdv": 67.95805598559096,
  "summary_wm_k": 0.22909985044918635,
  "summary_wm_mad": 39.742412523079096,
  "summary_wm_mean": 999.395528051311,
  "summary_wm_median": 1000.0000502169132,
  "summary_wm_n": 151315.0,
  "summary_wm_p05": 931.8760924786329,
  "summary_wm_p95": 1064.3886473253365,
  "summary_wm_stdv": 40.49563941529142,
  "tpm_overlap_csf": 0.1653648412578005,
  "tpm_overlap_gm": 0.4748094048141206,
  "tpm_overlap_wm": 0.5204058540286122,
  "wm2max": 0.4885609800966118
}