{
  "bids_meta": {
    "AcquisitionMatrixPE": 256,
    "AcquisitionNumber": 1,
    "AcquisitionTime": "14:18:41.000000",
    "BodyPartExamined": "BRAIN",
    "CoilString": "32Ch Head",
    "ConversionSoftware": "dcm2niix",
    "ConversionSoftwareVersion": "v1.0.20211006",
    "Dcm2bidsVersion": "2.1.6",
    "DeviceSerialNumber": "000301496MR3T6MR",
    "EchoTime": 0.060243,
    "EchoTrainLength": 140,
    "FlipAngle": 90,
    "ImageOrientationPatientDICOM": [
      0,
      1,
      0,
      0,
      0,
      -1
    ],
    "ImageType": [
      "ORIGINAL",
      "PRIMARY",
      "OTHER"
    ],
    "ImagingFrequency": 127.697,
    "InPlanePhaseEncodingDirectionDICOM": "ROW",
    "InstitutionName": "NIH FMRIF",
    "MRAcquisitionType": "3D",
    "MagneticFieldStrength": 3,
    "Manufacturer": "GE",
    "ManufacturersModelName": "DISCOVERY MR750",
    "Modality": "MR",
    "ParallelReductionFactorInPlane": 2,
    "ParallelReductionOutOfPlane": 1.5,
    "PatientPosition": "HFS",
    "PercentPhaseFOV": 100,
    "PercentSampling": 100,
    "PhaseEncodingAxis": "i",
    "PixelBandwidth": 244.141,
    "ProcedureStepDescription": "MRI Brain",
    "ProtocolName": "ADNI3 FMRIF Enhanced Pro",
    "ReconMatrixPE": 256,
    "RepetitionTime": 3.202,
    "SAR": 0.3811,
    "ScanOptions": "SAT_GEMS\\EDR_GEMS\\PROMO_GEMS\\ACC_GEMS\\FS\\FR_GEMS",
    "ScanningSequence": "RM",
    "SequenceVariant": "NONE",
    "SeriesDescription": "Sag_CUBE_T2",
    "SeriesNumber": 4,
    "SliceThickness": 1,
    "SoftwareVersions": "27\\LX\\MR Software release:DV26.0_R01_1725.a",
    "SpacingBetweenSlices": 1,
    "StationName": "fmrif3tb",
    "acq_id": "CUBE",
    "dataset": "ds004215",
    "modality": "T2w",
    "session_id": "01",
    "subject_id": "ON59735"
  },
  "cjv": 1.9518269565599802,
  "cnr": 0.7550066851991375,
  "efc": 0.438190952347124,
  "fber": 4296.768180696801,
  "fwhm_avg": 2.3416099999999997,
  "fwhm_x": 1.94059,
  "fwhm_y": 2.60101,
  "fwhm_z": 2.48323,
  "icvs_csf": 0.24786040373609486,
  "icvs_gm": 0.5339575436111289,
  "icvs_wm": 0.21818205265277626,
  "inu_med": 0.9109112024307251,
  "inu_range": 0.521136999130249,
  "provenance": {
    "md5sum": "386703b68968a213a183951f334dfc8d",
    "settings": {
      "testing": false
    },
    "software": "mriqc",
    "version": "22.0.6",
    "warnings": {
      "large_rot_frame": true,
      "small_air_mask": false
    },
    "webapi_port": null,
    "webapi_url": "https://mriqc.nimh.nih.gov/api/v1"
  },
  "qi_1": 0.0,
  "qi_2": 0.009769856411093182,
  "rpve_csf": 21.873608324043108,
  "rpve_gm": 13.094254753426947,
  "rpve_wm": 31.744438942637313,
  "size_x": 204,
  "size_y": 256,
  "size_z": 256,
  "snr_csf": 10.451966581738585,
  "snr_gm": 11.035929041349604,
  "snr_total": 7.680342237818788,
  "snr_wm": 1.5531310903681763,
  "snrd_csf": 56.200467801344246,
  "snrd_gm": 38.55859654342333,
  "snrd_total": 56.66133446284747,
  "snrd_wm": 75.22493904377482,
  "spacing_x": 1.0,
  "spacing_y": 1.0,
  "spacing_z": 1.0,
  "summary_bg_k": 21.351975203830275,
  "summary_bg_mad": 0.0,
  "summary_bg_mean": 6.596265822736277,
  "summary_bg_median": 0.0,
  "summary_bg_n": 3734726.0,
  "summary_bg_p05": 0.0,
  "summary_bg_p95": 22.017836332321167,
  "summary_bg_stdv": 8.73269747198351,
  "summary_csf_k": 0.7107405258344248,
  "summary_csf_mad": 65.6489458767304,
  "summary_csf_mean": 753.6132385492804,
  "summary_csf_median": 749.129010528326,
  "summary_csf_n": 13705.0,
  "summary_csf_p05": 643.95203602314,
  "summary_csf_p95": 877.10420037508,
  "summary_csf_stdv": 71.67088352907366,
  "summary_gm_k": -0.020830195495021187,
  "summary_gm_mad": 47.10608862279946,
  "summary_gm_mean": 514.9472780216854,
  "summary_gm_median": 513.9701572954655,
  "summary_gm_n": 247512.0,
  "summary_gm_p05": 439.8689897656441,
  "summary_gm_p95": 592.2519266605377,
  "summary_gm_stdv": 46.5723472029821,
  "summary_wm_k": -1.5845190318389157,
  "summary_wm_mad": 906.8438574018531,
  "summary_wm_mean": 824.3870755714413,
  "summary_wm_median": 1002.7173501849174,
  "summary_wm_n": 61627.0,
  "summary_wm_p05": 35.53511559963226,
  "summary_wm_p95": 1745.599844804406,
  "summary_wm_stdv": 645.605011062213,
  "tpm_overlap_csf": 0.09853244125468634,
  "tpm_overlap_gm": 0.3353195652956274,
  "tpm_overlap_wm": 0.0476096595898183,
  "wm2max": 0.5603971962616823
}