{
  "aor": 0.039011111111111114,
  "aqi": 0.001407444333333333,
  "bids_meta": {
    "AcquisitionMatrixPE": 64,
    "AcquisitionNumber": 1,
    "AcquisitionTime": "16:16:10.000000",
    "BodyPartExamined": "BRAIN",
    "CoilString": "32Ch Head",
    "ConversionSoftware": "dcm2niix",
    "ConversionSoftwareVersion": "v1.0.20211006",
    "Dcm2bidsVersion": "2.1.6",
    "DeviceSerialNumber": "000301496MR3T6MR",
    "EchoTime": 0.0169,
    "EffectiveEchoSpacing": 0.000416,
    "FlipAngle": 90,
    "ImageOrientationPatientDICOM": [
      1,
      0,
      0,
      0,
      1,
      0
    ],
    "ImageType": [
      "ORIGINAL",
      "PRIMARY",
      "OTHER"
    ],
    "ImagingFrequency": 127.697,
    "InPlanePhaseEncodingDirectionDICOM": "COL",
    "InstitutionName": "NIH FMRIF",
    "InternalPulseSequenceName": "EPI",
    "MRAcquisitionType": "2D",
    "MagneticFieldStrength": 3,
    "Manufacturer": "GE",
    "ManufacturersModelName": "DISCOVERY MR750",
    "Modality": "MR",
    "PatientPosition": "HFS",
    "PercentPhaseFOV": 100,
    "PercentSampling": 100,
    "PhaseEncodingDirection": "j",
    "PhaseEncodingPolarityGE": "Flipped",
    "PixelBandwidth": 7812.5,
    "ProcedureStepDescription": "MRI Brain",
    "ProtocolName": "ADNI3 FMRIF Enhanced Pro",
    "PulseSequenceName": "epi",
    "ReconMatrixPE": 64,
    "RepetitionTime": 3,
    "SAR": 0.160089,
    "ScanOptions": "MP_GEMS\\EPI_GEMS\\PFF",
    "ScanningSequence": "EP\\GR",
    "SequenceVariant": "SS",
    "SeriesDescription": "Axial rsfMRI reverse blip - RKV",
    "SeriesNumber": 12,
    "SliceThickness": 3.4,
    "SliceTiming": [
      0,
      1.5,
      0.0625,
      1.5625,
      0.125,
      1.625,
      0.1875,
      1.6875,
      0.25,
      1.75,
      0.3125,
      1.8125,
      0.375,
      1.875,
      0.4375,
      1.9375,
      0.5,
      2,
      0.5625,
      2.0625,
      0.625,
      2.125,
      0.6875,
      2.1875,
      0.75,
      2.25,
      0.8125,
      2.3125,
      0.875,
      2.375,
      0.9375,
      2.4375,
      1,
      2.5,
      1.0625,
      2.5625,
      1.125,
      2.625,
      1.1875,
      2.6875,
      1.25,
      2.75,
      1.3125,
      2.8125,
      1.375,
      2.875,
      1.4375,
      2.9375
    ],
    "SoftwareVersions": "27\\LX\\MR Software release:DV26.0_R01_1725.a",
    "SpacingBetweenSlices": 3.4,
    "StationName": "fmrif3tb",
    "TaskName": "Resting state with reverse blip.",
    "TotalReadoutTime": 0.026208,
    "TriggerDelayTime": 29938,
    "dataset": "ds004215",
    "modality": "bold",
    "session_id": "01",
    "subject_id": "ON01016",
    "task_id": "rest"
  },
  "dummy_trs": 1,
  "dvars_nstd": 12.47534358375,
  "dvars_std": 1.3104964774999999,
  "dvars_vstd": 1.38867410875,
  "efc": 0.47685088057772457,
  "fber": 4806.09619140625,
  "fd_mean": 0.10460830594094248,
  "fd_num": 0,
  "fd_perc": 0.0,
  "fwhm_avg": 2.9690850632528885,
  "fwhm_x": 2.8283636363636364,
  "fwhm_y": 2.7006283636363637,
  "fwhm_z": 3.3782631897586644,
  "gcor": 0.127205,
  "gsr_x": 0.014609040692448616,
  "gsr_y": 0.04608239233493805,
  "provenance": {
    "md5sum": "fbbe1b0f129f24533813ab21b4892aa1",
    "settings": {
      "fd_thres": 0.2,
      "testing": false
    },
    "software": "mriqc",
    "version": "22.0.6",
    "webapi_port": null,
    "webapi_url": "https://mriqc.nimh.nih.gov/api/v1"
  },
  "size_t": 9,
  "size_x": 64,
  "size_y": 64,
  "size_z": 48,
  "snr": 3.4452379961657593,
  "spacing_tr": 3.0,
  "spacing_x": 3.4375,
  "spacing_y": 3.4375,
  "spacing_z": 3.4000015258789062,
  "summary_bg_k": 14.431241728225505,
  "summary_bg_mad": 13.343422794389731,
  "summary_bg_mean": 170.2652130126953,
  "summary_bg_median": 36.66666793823242,
  "summary_bg_n": 131832.0,
  "summary_bg_p05": 24.66666603088379,
  "summary_bg_p95": 933.9889190673822,
  "summary_bg_stdv": 337.22930908203125,
  "summary_fg_k": 3.71224901824392,
  "summary_fg_mad": 525.4999587976823,
  "summary_fg_mean": 2655.189453125,
  "summary_fg_median": 2511.77783203125,
  "summary_fg_n": 27531.0,
  "summary_fg_p05": 1722.611083984375,
  "summary_fg_p95": 4035.2777099609375,
  "summary_fg_stdv": 729.0446166992188,
  "tsnr": 164.20086915045977
}