{
  "aor": 0.002282211055276382,
  "aqi": 0.002708354552763819,
  "bids_meta": {
    "AcquisitionMatrixPE": 64,
    "AcquisitionNumber": 1,
    "AcquisitionTime": "16:05:46.000000",
    "BodyPartExamined": "BRAIN",
    "CoilString": "32Ch Head",
    "ConversionSoftware": "dcm2niix",
    "ConversionSoftwareVersion": "v1.0.20211006",
    "Dcm2bidsVersion": "2.1.6",
    "DeviceSerialNumber": "000301496MR3T6MR",
    "EchoTime": 0.0169,
    "EffectiveEchoSpacing": 0.000416,
    "FlipAngle": 90,
    "ImageOrientationPatientDICOM": [
      1,
      0,
      0,
      0,
      1,
      0
    ],
    "ImageType": [
      "ORIGINAL",
      "PRIMARY",
      "OTHER"
    ],
    "ImagingFrequency": 127.697,
    "InPlanePhaseEncodingDirectionDICOM": "COL",
    "InstitutionName": "NIH FMRIF",
    "InternalPulseSequenceName": "EPI",
    "MRAcquisitionType": "2D",
    "MagneticFieldStrength": 3,
    "Manufacturer": "GE",
    "ManufacturersModelName": "DISCOVERY MR750",
    "Modality": "MR",
    "PatientPosition": "HFS",
    "PercentPhaseFOV": 100,
    "PercentSampling": 100,
    "PhaseEncodingDirection": "j",
    "PhaseEncodingPolarityGE": "Flipped",
    "PixelBandwidth": 7812.5,
    "ProcedureStepDescription": "MRI Brain",
    "ProtocolName": "ADNI3 FMRIF Enhanced Pro",
    "PulseSequenceName": "epi",
    "ReconMatrixPE": 64,
    "RepetitionTime": 3,
    "SAR": 0.159846,
    "ScanOptions": "MP_GEMS\\EPI_GEMS\\PFF",
    "ScanningSequence": "EP\\GR",
    "SequenceVariant": "SS",
    "SeriesDescription": "Axial rsfMRI with Eyes Open - RKV",
    "SeriesNumber": 11,
    "SliceThickness": 3.4,
    "SliceTiming": [
      0,
      1.5,
      0.0625,
      1.5625,
      0.125,
      1.625,
      0.1875,
      1.6875,
      0.25,
      1.75,
      0.3125,
      1.8125,
      0.375,
      1.875,
      0.4375,
      1.9375,
      0.5,
      2,
      0.5625,
      2.0625,
      0.625,
      2.125,
      0.6875,
      2.1875,
      0.75,
      2.25,
      0.8125,
      2.3125,
      0.875,
      2.375,
      0.9375,
      2.4375,
      1,
      2.5,
      1.0625,
      2.5625,
      1.125,
      2.625,
      1.1875,
      2.6875,
      1.25,
      2.75,
      1.3125,
      2.8125,
      1.375,
      2.875,
      1.4375,
      2.9375
    ],
    "SoftwareVersions": "27\\LX\\MR Software release:DV26.0_R01_1725.a",
    "SpacingBetweenSlices": 3.4,
    "StationName": "fmrif3tb",
    "TaskName": "Resting state with eyes open.",
    "TotalReadoutTime": 0.026208,
    "TriggerDelayTime": 599938,
    "dataset": "ds004215",
    "modality": "bold",
    "session_id": "01",
    "subject_id": "ON01016",
    "task_id": "rest"
  },
  "dummy_trs": 1,
  "dvars_nstd": 12.062470289242416,
  "dvars_std": 1.1140145815151512,
  "dvars_vstd": 0.9550698659090914,
  "efc": 0.4763461700653456,
  "fber": 4548.43896484375,
  "fd_mean": 0.10598996850001186,
  "fd_num": 21,
  "fd_perc": 10.552763819095478,
  "fwhm_avg": 2.9600547198969696,
  "fwhm_x": 2.822283636363636,
  "fwhm_y": 2.6960290909090907,
  "fwhm_z": 3.3618514324181805,
  "gcor": 0.102306,
  "gsr_x": 0.012937796302139759,
  "gsr_y": 0.048259321600198746,
  "provenance": {
    "md5sum": "66e2ca04789e94e56602fd63cd5f8cec",
    "settings": {
      "fd_thres": 0.2,
      "testing": false
    },
    "software": "mriqc",
    "version": "22.0.6",
    "webapi_port": null,
    "webapi_url": "https://mriqc.nimh.nih.gov/api/v1"
  },
  "size_t": 199,
  "size_x": 64,
  "size_y": 64,
  "size_z": 48,
  "snr": 3.366924059268402,
  "spacing_tr": 3.0,
  "spacing_x": 3.4375,
  "spacing_y": 3.4375,
  "spacing_z": 3.4000015258789062,
  "summary_bg_k": 14.325918525860168,
  "summary_bg_mad": 16.42782914202385,
  "summary_bg_mean": 170.63223266601562,
  "summary_bg_median": 37.84421920776367,
  "summary_bg_n": 131973.0,
  "summary_bg_p05": 21.3015079498291,
  "summary_bg_p95": 926.8733764648435,
  "summary_bg_stdv": 334.755126953125,
  "summary_fg_k": 3.8599697788061844,
  "summary_fg_mad": 526.5697417217041,
  "summary_fg_mean": 2672.14013671875,
  "summary_fg_median": 2517.76123046875,
  "summary_fg_n": 27522.0,
  "summary_fg_p05": 1735.7897338867188,
  "summary_fg_p95": 4091.3913452148436,
  "summary_fg_stdv": 747.7791137695312,
  "tsnr": 99.27579938108101
}