{
  "bids_meta": {
    "AcquisitionMatrixPE": 256,
    "AcquisitionNumber": 1,
    "AcquisitionTime": "14:58:35.000000",
    "BodyPartExamined": "BRAIN",
    "CoilString": "32Ch Head",
    "ConversionSoftware": "dcm2niix",
    "ConversionSoftwareVersion": "v1.0.20211006",
    "Dcm2bidsVersion": "2.1.6",
    "DeviceSerialNumber": "000301496MR3T6MR",
    "EchoTime": 0.067109,
    "EchoTrainLength": 140,
    "FlipAngle": 90,
    "ImageOrientationPatientDICOM": [
      0,
      1,
      0,
      0,
      0,
      -1
    ],
    "ImageType": [
      "ORIGINAL",
      "PRIMARY",
      "OTHER"
    ],
    "ImagingFrequency": 127.697,
    "InPlanePhaseEncodingDirectionDICOM": "ROW",
    "InstitutionName": "NIH FMRIF",
    "MRAcquisitionType": "3D",
    "MagneticFieldStrength": 3,
    "Manufacturer": "GE",
    "ManufacturersModelName": "DISCOVERY MR750",
    "Modality": "MR",
    "ParallelReductionFactorInPlane": 2,
    "ParallelReductionOutOfPlane": 1.5,
    "PatientPosition": "HFS",
    "PercentPhaseFOV": 100,
    "PercentSampling": 100,
    "PhaseEncodingAxis": "i",
    "PixelBandwidth": 244.141,
    "ProcedureStepDescription": "MRI Brain",
    "ProtocolName": "ADNI3 FMRIF Enhanced Pro",
    "ReconMatrixPE": 256,
    "RepetitionTime": 3.202,
    "SAR": 0.4378,
    "ScanOptions": "SAT_GEMS\\EDR_GEMS\\PROMO_GEMS\\ACC_GEMS\\FS\\FR_GEMS",
    "ScanningSequence": "RM",
    "SequenceVariant": "NONE",
    "SeriesDescription": "Sag_CUBE_T2",
    "SeriesNumber": 4,
    "SliceThickness": 1,
    "SoftwareVersions": "27\\LX\\MR Software release:DV26.0_R01_1725.a",
    "SpacingBetweenSlices": 1,
    "StationName": "fmrif3tb",
    "acq_id": "CUBE",
    "dataset": "ds004215",
    "modality": "T2w",
    "session_id": "01",
    "subject_id": "ON30535"
  },
  "cjv": 4.405699409961388,
  "cnr": 0.3438179214792162,
  "efc": 0.3484158382693345,
  "fber": -1.0,
  "fwhm_avg": 2.4611733333333334,
  "fwhm_x": 2.13438,
  "fwhm_y": 2.69552,
  "fwhm_z": 2.55362,
  "icvs_csf": 0.2955139474962819,
  "icvs_gm": 0.5254850339446722,
  "icvs_wm": 0.17900101855904593,
  "inu_med": 0.8778066635131836,
  "inu_range": 0.7320744395256042,
  "provenance": {
    "md5sum": "85781328022414542562af7b5b5b00d9",
    "settings": {
      "testing": false
    },
    "software": "mriqc",
    "version": "22.0.6",
    "warnings": {
      "large_rot_frame": true,
      "small_air_mask": false
    },
    "webapi_port": null,
    "webapi_url": "https://mriqc.nimh.nih.gov/api/v1"
  },
  "qi_1": 0.0,
  "qi_2": 0.022564016440719974,
  "rpve_csf": 23.213955051485215,
  "rpve_gm": 16.30811838325505,
  "rpve_wm": 46.40515543581864,
  "size_x": 236,
  "size_y": 256,
  "size_z": 256,
  "snr_csf": 10.373959800596715,
  "snr_gm": 12.483234961089329,
  "snr_total": 7.9869644293324695,
  "snr_wm": 1.1036985263113661,
  "snrd_csf": 98.40207066656824,
  "snrd_gm": 67.37541087066525,
  "snrd_total": 87.90677245904631,
  "snrd_wm": 97.94283583990544,
  "spacing_x": 1.0,
  "spacing_y": 1.0,
  "spacing_z": 1.0,
  "summary_bg_k": 4.998055214417854,
  "summary_bg_mad": 0.0,
  "summary_bg_mean": 5.0955238749688485,
  "summary_bg_median": 0.0,
  "summary_bg_n": 5232300.0,
  "summary_bg_p05": 0.0,
  "summary_bg_p95": 15.666357919573784,
  "summary_bg_stdv": 6.723225747234904,
  "summary_csf_k": 0.28887352486315443,
  "summary_csf_mad": 93.29077028821636,
  "summary_csf_mean": 1016.8080158074953,
  "summary_csf_median": 1009.8344941399992,
  "summary_csf_n": 24608.0,
  "summary_csf_p05": 868.480045471713,
  "summary_csf_p95": 1189.5951914058996,
  "summary_csf_stdv": 97.34122696858431,
  "summary_gm_k": -0.10209935491814504,
  "summary_gm_mad": 56.535993485198155,
  "summary_gm_mean": 692.1590604734105,
  "summary_gm_median": 691.4286812581122,
  "summary_gm_n": 223705.0,
  "summary_gm_p05": 601.9927148930728,
  "summary_gm_p95": 783.3178959786892,
  "summary_gm_stdv": 55.38845804062447,
  "summary_wm_k": -1.573451434586388,
  "summary_wm_mad": 1325.5010436470413,
  "summary_wm_mean": 1057.118308852366,
  "summary_wm_median": 1005.1216749306768,
  "summary_wm_n": 39788.0,
  "summary_wm_p05": 34.90498976036906,
  "summary_wm_p95": 2404.4265612902122,
  "summary_wm_stdv": 910.6735398527726,
  "tpm_overlap_csf": 0.10904290029181354,
  "tpm_overlap_gm": 0.32976325620811187,
  "tpm_overlap_wm": 0.03636926263636041,
  "wm2max": 0.4413836560660421
}