{
  "bids_meta": {
    "AcquisitionMatrixPE": 256,
    "AcquisitionNumber": 1,
    "AcquisitionTime": "14:52:22.000000",
    "BodyPartExamined": "BRAIN",
    "CoilString": "32Ch Head",
    "ConversionSoftware": "dcm2niix",
    "ConversionSoftwareVersion": "v1.0.20211006",
    "Dcm2bidsVersion": "2.1.6",
    "DeviceSerialNumber": "000301496MR3T6MR",
    "EchoTime": 0.003036,
    "FlipAngle": 11,
    "ImageOrientationPatientDICOM": [
      0,
      1,
      0,
      0,
      0,
      -1
    ],
    "ImageType": [
      "ORIGINAL",
      "PRIMARY",
      "OTHER"
    ],
    "ImagingFrequency": 127.697,
    "InPlanePhaseEncodingDirectionDICOM": "ROW",
    "InstitutionName": "NIH FMRIF",
    "InversionTime": 0.4,
    "MRAcquisitionType": "3D",
    "MagneticFieldStrength": 3,
    "Manufacturer": "GE",
    "ManufacturersModelName": "DISCOVERY MR750",
    "Modality": "MR",
    "ParallelReductionFactorInPlane": 1.72974,
    "PatientPosition": "HFS",
    "PercentPhaseFOV": 100,
    "PercentSampling": 100,
    "PixelBandwidth": 244.141,
    "ProcedureStepDescription": "MRI Brain",
    "ProtocolName": "ADNI3 FMRIF Enhanced Pro",
    "ReconMatrixPE": 256,
    "RepetitionTime": 0.007348,
    "SAR": 0.155601,
    "ScanOptions": "FAST_GEMS\\EDR_GEMS\\FILTERED_GEMS\\ACC_GEMS\\IR_GEMS",
    "ScanningSequence": "GR",
    "SequenceVariant": "SS\\SP\\SK",
    "SeriesDescription": "Accelerated Sagittal IR-FSPGR",
    "SeriesNumber": 3,
    "SliceThickness": 1.2,
    "SoftwareVersions": "27\\LX\\MR Software release:DV26.0_R01_1725.a",
    "SpacingBetweenSlices": 1.2,
    "SpoilingState": true,
    "StationName": "fmrif3tb",
    "acq_id": "FSPGR",
    "dataset": "ds004215",
    "modality": "T1w",
    "rec_id": "SCIC",
    "session_id": "01",
    "subject_id": "ON30535"
  },
  "cjv": 0.3068696647641425,
  "cnr": 4.335023672862147,
  "efc": 0.5527239081036683,
  "fber": -1.0,
  "fwhm_avg": 3.806760195424316,
  "fwhm_x": 3.5448090149155043,
  "fwhm_y": 4.057504438344768,
  "fwhm_z": 3.8179671330126768,
  "icvs_csf": 0.21913076534542986,
  "icvs_gm": 0.4432837252908903,
  "icvs_wm": 0.33758550936367987,
  "inu_med": 0.5192335247993469,
  "inu_range": 0.12164458483457563,
  "provenance": {
    "md5sum": "0607cb353d434b7fd7d9064579ccdbf1",
    "settings": {
      "testing": false
    },
    "software": "mriqc",
    "version": "22.0.6",
    "warnings": {
      "large_rot_frame": true,
      "small_air_mask": false
    },
    "webapi_port": null,
    "webapi_url": "https://mriqc.nimh.nih.gov/api/v1"
  },
  "qi_1": 0.0,
  "qi_2": 0.0076441948953698555,
  "rpve_csf": 35.66984805808575,
  "rpve_gm": 18.708908046821936,
  "rpve_wm": 29.105149282085467,
  "size_x": 196,
  "size_y": 256,
  "size_z": 256,
  "snr_csf": 1.9920033945704956,
  "snr_gm": 9.60344167071575,
  "snr_total": 12.220858889091295,
  "snr_wm": 25.067131601987633,
  "snrd_csf": 20.02137395804963,
  "snrd_gm": 59.28365231476601,
  "snrd_total": 56.5704527892994,
  "snrd_wm": 90.40633209508258,
  "spacing_x": 1.1999969482421875,
  "spacing_y": 1.0547000169754028,
  "spacing_z": 1.0547000169754028,
  "summary_bg_k": 17.272148589255593,
  "summary_bg_mad": 0.0,
  "summary_bg_mean": 3.663567189728942,
  "summary_bg_median": 0.0,
  "summary_bg_n": 996836.0,
  "summary_bg_p05": 0.0,
  "summary_bg_p95": 18.74698092788458,
  "summary_bg_stdv": 7.24634334568139,
  "summary_csf_k": 1.8820950174932456,
  "summary_csf_mad": 96.13394695809158,
  "summary_csf_mean": 235.63627355626818,
  "summary_csf_median": 221.45273862406611,
  "summary_csf_n": 17427.0,
  "summary_csf_p05": 74.84619395881892,
  "summary_csf_p95": 446.2457898292691,
  "summary_csf_stdv": 111.16767441826991,
  "summary_gm_k": 0.01234134629021666,
  "summary_gm_mad": 68.24411833239586,
  "summary_gm_mean": 653.8007992715934,
  "summary_gm_median": 655.7255854792893,
  "summary_gm_n": 29586.0,
  "summary_gm_p05": 537.5100871883333,
  "summary_gm_p95": 762.3128017857671,
  "summary_gm_stdv": 68.27911556938089,
  "summary_wm_k": 0.6441252473575565,
  "summary_wm_mad": 37.39338324301327,
  "summary_wm_mean": 1000.8436986522195,
  "summary_wm_median": 999.9678280502558,
  "summary_wm_n": 143797.0,
  "summary_wm_p05": 937.1493362881243,
  "summary_wm_p95": 1067.9658980481327,
  "summary_wm_stdv": 39.89145495022597,
  "tpm_overlap_csf": 0.14648941879698107,
  "tpm_overlap_gm": 0.47607514738324164,
  "tpm_overlap_wm": 0.5081097984422851,
  "wm2max": 0.5164748858804523
}