{
  "bids_meta": {
    "AcquisitionMatrixPE": 256,
    "AcquisitionNumber": 1,
    "AcquisitionTime": "14:30:25.000000",
    "BodyPartExamined": "BRAIN",
    "CoilString": "32Ch Head",
    "ConversionSoftware": "dcm2niix",
    "ConversionSoftwareVersion": "v1.0.20211006",
    "Dcm2bidsVersion": "2.1.6",
    "DeviceSerialNumber": "000301496MR3T6MR",
    "EchoTime": 0.058924,
    "EchoTrainLength": 140,
    "FlipAngle": 90,
    "ImageOrientationPatientDICOM": [
      0,
      1,
      0,
      0,
      0,
      -1
    ],
    "ImageType": [
      "ORIGINAL",
      "PRIMARY",
      "OTHER"
    ],
    "ImagingFrequency": 127.697,
    "InPlanePhaseEncodingDirectionDICOM": "ROW",
    "InstitutionName": "NIH FMRIF",
    "MRAcquisitionType": "3D",
    "MagneticFieldStrength": 3,
    "Manufacturer": "GE",
    "ManufacturersModelName": "DISCOVERY MR750",
    "Modality": "MR",
    "ParallelReductionFactorInPlane": 2,
    "ParallelReductionOutOfPlane": 1.5,
    "PatientPosition": "HFS",
    "PercentPhaseFOV": 100,
    "PercentSampling": 100,
    "PhaseEncodingAxis": "i",
    "PixelBandwidth": 244.141,
    "ProcedureStepDescription": "MRI Brain",
    "ProtocolName": "ADNI3 FMRIF Enhanced Pro",
    "ReconMatrixPE": 256,
    "RepetitionTime": 3.202,
    "SAR": 0.4,
    "ScanOptions": "SAT_GEMS\\EDR_GEMS\\PROMO_GEMS\\ACC_GEMS\\FS\\FR_GEMS",
    "ScanningSequence": "RM",
    "SequenceVariant": "NONE",
    "SeriesDescription": "ORIG Anat T2w CUBE (ABCD)",
    "SeriesNumber": 40004,
    "SliceThickness": 1,
    "SoftwareVersions": "27\\LX\\MR Software release:DV26.0_R03_1831.b",
    "SpacingBetweenSlices": 1,
    "StationName": "FMRI3tb",
    "acq_id": "CUBE",
    "dataset": "ds004215",
    "modality": "T2w",
    "session_id": "01",
    "subject_id": "ON25939"
  },
  "cjv": 4.160210098828144,
  "cnr": 0.36755203454730906,
  "efc": 0.45975423098808516,
  "fber": 6449.598486004701,
  "fwhm_avg": 2.28552,
  "fwhm_x": 1.91125,
  "fwhm_y": 2.49721,
  "fwhm_z": 2.4481,
  "icvs_csf": 0.31233907959961954,
  "icvs_gm": 0.4784925719377038,
  "icvs_wm": 0.2091683484626767,
  "inu_med": 0.9461491703987122,
  "inu_range": 0.4257824182510376,
  "provenance": {
    "md5sum": "108a3f1bede221fa45aed69c903ead83",
    "settings": {
      "testing": false
    },
    "software": "mriqc",
    "version": "22.0.6",
    "warnings": {
      "large_rot_frame": true,
      "small_air_mask": false
    },
    "webapi_port": null,
    "webapi_url": "https://mriqc.nimh.nih.gov/api/v1"
  },
  "qi_1": 0.0,
  "qi_2": 0.016265892063905687,
  "rpve_csf": 16.636329880297556,
  "rpve_gm": 12.819871189101958,
  "rpve_wm": 29.956765295391833,
  "size_x": 204,
  "size_y": 256,
  "size_z": 256,
  "snr_csf": 12.493183786541488,
  "snr_gm": 14.210764585789398,
  "snr_total": 9.318865383296282,
  "snr_wm": 1.2526477775579634,
  "snrd_csf": 63.973224099040536,
  "snrd_gm": 45.94725725509074,
  "snrd_total": 58.334229568385354,
  "snrd_wm": 65.08220735102479,
  "spacing_x": 1.0,
  "spacing_y": 1.0,
  "spacing_z": 1.0,
  "summary_bg_k": 10.953750035467444,
  "summary_bg_mad": 10.105688359071863,
  "summary_bg_mean": 9.912851295568414,
  "summary_bg_median": 6.816183216869831,
  "summary_bg_n": 3379716.0,
  "summary_bg_p05": 0.0,
  "summary_bg_p95": 29.727353900671005,
  "summary_bg_stdv": 10.749934207541106,
  "summary_csf_k": 0.3838395258233014,
  "summary_csf_mad": 76.41204359246595,
  "summary_csf_mean": 988.5699976231244,
  "summary_csf_median": 986.8074283003807,
  "summary_csf_n": 28469.0,
  "summary_csf_p05": 862.8320494294167,
  "summary_csf_p95": 1121.2665367126465,
  "summary_csf_stdv": 78.9862787377426,
  "summary_gm_k": 0.045367109741339284,
  "summary_gm_mad": 50.07205586946574,
  "summary_gm_mean": 707.8967133115146,
  "summary_gm_median": 708.7511284276843,
  "summary_gm_n": 213375.0,
  "summary_gm_p05": 624.5250915549695,
  "summary_gm_p95": 787.5550014898181,
  "summary_gm_stdv": 49.874126288982346,
  "summary_wm_k": -1.585296651738966,
  "summary_wm_mad": 1177.8668767418856,
  "summary_wm_mean": 989.36051155084,
  "summary_wm_median": 1003.9138494059443,
  "summary_wm_n": 71160.0,
  "summary_wm_p05": 43.403695710003376,
  "summary_wm_p95": 2179.204135034234,
  "summary_wm_stdv": 801.4278342620736,
  "tpm_overlap_csf": 0.09624893337416411,
  "tpm_overlap_gm": 0.3031874823136158,
  "tpm_overlap_wm": 0.039412822319196475,
  "wm2max": 0.4522176507765417
}