{
  "bids_meta": {
    "AcquisitionMatrixPE": 256,
    "AcquisitionNumber": 1,
    "AcquisitionTime": "14:23:29.000000",
    "BodyPartExamined": "BRAIN",
    "CoilString": "32Ch Head",
    "ConversionSoftware": "dcm2niix",
    "ConversionSoftwareVersion": "v1.0.20211006",
    "Dcm2bidsVersion": "2.1.6",
    "DeviceSerialNumber": "000301496MR3T6MR",
    "EchoTime": 0.00292,
    "FlipAngle": 8,
    "ImageOrientationPatientDICOM": [
      0,
      1,
      0,
      0,
      0,
      -1
    ],
    "ImageType": [
      "ORIGINAL",
      "PRIMARY",
      "OTHER"
    ],
    "ImagingFrequency": 127.697,
    "InPlanePhaseEncodingDirectionDICOM": "ROW",
    "InstitutionName": "NIH FMRIF",
    "InversionTime": 1.06,
    "MRAcquisitionType": "3D",
    "MagneticFieldStrength": 3,
    "Manufacturer": "GE",
    "ManufacturersModelName": "DISCOVERY MR750",
    "Modality": "MR",
    "ParallelReductionFactorInPlane": 2,
    "ParallelReductionOutOfPlane": 2,
    "PatientPosition": "HFS",
    "PercentPhaseFOV": 100,
    "PercentSampling": 100,
    "PixelBandwidth": 244.141,
    "ProcedureStepDescription": "MRI Brain",
    "ProtocolName": "ADNI3 FMRIF Enhanced Pro",
    "ReconMatrixPE": 256,
    "RepetitionTime": 0.006952,
    "SAR": 0.135464,
    "ScanOptions": "EDR_GEMS\\PROMO_GEMS\\ACC_GEMS\\IR_GEMS",
    "ScanningSequence": "RM",
    "SequenceVariant": "NONE",
    "SeriesDescription": "ORIG Anat T1w MP-RAGE 1mm (ABCD)",
    "SeriesNumber": 40003,
    "SliceThickness": 1,
    "SoftwareVersions": "27\\LX\\MR Software release:DV26.0_R03_1831.b",
    "SpacingBetweenSlices": 1,
    "StationName": "FMRI3tb",
    "acq_id": "MPRAGE",
    "dataset": "ds004215",
    "modality": "T1w",
    "session_id": "01",
    "subject_id": "ON25939"
  },
  "cjv": 0.424453937540671,
  "cnr": 3.165771344542784,
  "efc": 0.48844825940148445,
  "fber": 4185.548800763348,
  "fwhm_avg": 3.55052,
  "fwhm_x": 3.5486,
  "fwhm_y": 3.55426,
  "fwhm_z": 3.5487,
  "icvs_csf": 0.20425116237456478,
  "icvs_gm": 0.4054221468557818,
  "icvs_wm": 0.39032669076965343,
  "inu_med": 0.9091395139694214,
  "inu_range": 0.4997105479240417,
  "provenance": {
    "md5sum": "15350eec4679d4f35a8ba30060158d06",
    "settings": {
      "testing": false
    },
    "software": "mriqc",
    "version": "22.0.6",
    "warnings": {
      "large_rot_frame": true,
      "small_air_mask": false
    },
    "webapi_port": null,
    "webapi_url": "https://mriqc.nimh.nih.gov/api/v1"
  },
  "qi_1": 0.0,
  "qi_2": 0.00123635383885618,
  "rpve_csf": 26.254239062578762,
  "rpve_gm": 13.689194274810713,
  "rpve_wm": 16.901547636127727,
  "size_x": 208,
  "size_y": 256,
  "size_z": 256,
  "snr_csf": 1.1742064400804868,
  "snr_gm": 7.243530240857612,
  "snr_total": 8.587758971060603,
  "snr_wm": 17.34554023224371,
  "snrd_csf": 6.951156145891051,
  "snrd_gm": 33.391892512565875,
  "snrd_total": 30.37873344565813,
  "snrd_wm": 50.79315167851747,
  "spacing_x": 1.0,
  "spacing_y": 1.0,
  "spacing_z": 1.0,
  "summary_bg_k": 1.3483503953720088,
  "summary_bg_mad": 12.898664380398657,
  "summary_bg_mean": 13.138807383057946,
  "summary_bg_median": 8.700016915798187,
  "summary_bg_n": 3505499.0,
  "summary_bg_p05": 0.0,
  "summary_bg_p95": 36.64045585691929,
  "summary_bg_stdv": 12.268848837193785,
  "summary_csf_k": 1.7429897965319654,
  "summary_csf_mad": 86.47686287724004,
  "summary_csf_mean": 168.52525448895847,
  "summary_csf_median": 136.85795840620995,
  "summary_csf_n": 31790.0,
  "summary_csf_p05": 38.27170902863145,
  "summary_csf_p95": 416.80609887465835,
  "summary_csf_stdv": 116.55174182855991,
  "summary_gm_k": -0.020741742376561678,
  "summary_gm_mad": 89.98058661518486,
  "summary_gm_mean": 658.1286756437514,
  "summary_gm_median": 657.4368552044034,
  "summary_gm_n": 26222.0,
  "summary_gm_p05": 509.82935666665435,
  "summary_gm_p95": 810.8164803497493,
  "summary_gm_stdv": 90.76020907570205,
  "summary_wm_k": 0.5064612516771021,
  "summary_wm_mad": 55.43945171190577,
  "summary_wm_mean": 1001.8639355217559,
  "summary_wm_median": 1000.0418482683599,
  "summary_wm_n": 265293.0,
  "summary_wm_p05": 910.6575398594141,
  "summary_wm_p95": 1098.7117516547441,
  "summary_wm_stdv": 57.654010776794806,
  "tpm_overlap_csf": 0.15398120927012374,
  "tpm_overlap_gm": 0.43799941073232634,
  "tpm_overlap_wm": 0.5034112058126254,
  "wm2max": 0.42430964719244696
}