{
  "bids_meta": {
    "AcquisitionMatrixPE": 256,
    "AcquisitionNumber": 1,
    "AcquisitionTime": "15:49:45.000000",
    "BodyPartExamined": "BRAIN",
    "CoilString": "32Ch Head",
    "ConversionSoftware": "dcm2niix",
    "ConversionSoftwareVersion": "v1.0.20211006",
    "Dcm2bidsVersion": "2.1.6",
    "DeviceSerialNumber": "000301496MR3T6MR",
    "EchoTime": 0.066764,
    "EchoTrainLength": 140,
    "FlipAngle": 90,
    "ImageOrientationPatientDICOM": [
      0,
      1,
      0,
      0,
      0,
      -1
    ],
    "ImageType": [
      "ORIGINAL",
      "PRIMARY",
      "OTHER"
    ],
    "ImagingFrequency": 127.697,
    "InPlanePhaseEncodingDirectionDICOM": "ROW",
    "InstitutionName": "NIH FMRIF",
    "MRAcquisitionType": "3D",
    "MagneticFieldStrength": 3,
    "Manufacturer": "GE",
    "ManufacturersModelName": "DISCOVERY MR750",
    "Modality": "MR",
    "ParallelReductionFactorInPlane": 2,
    "ParallelReductionOutOfPlane": 1.5,
    "PatientPosition": "HFS",
    "PercentPhaseFOV": 100,
    "PercentSampling": 100,
    "PhaseEncodingAxis": "i",
    "PixelBandwidth": 244.141,
    "ProcedureStepDescription": "MRI Brain",
    "ProtocolName": "ADNI3 FMRIF Enhanced Pro",
    "ReconMatrixPE": 256,
    "RepetitionTime": 3.202,
    "SAR": 0.4449,
    "ScanOptions": "SAT_GEMS\\EDR_GEMS\\PROMO_GEMS\\ACC_GEMS\\FS\\FR_GEMS",
    "ScanningSequence": "RM",
    "SequenceVariant": "NONE",
    "SeriesDescription": "Sag_CUBE_T2",
    "SeriesNumber": 4,
    "SliceThickness": 1,
    "SoftwareVersions": "27\\LX\\MR Software release:DV26.0_R01_1725.a",
    "SpacingBetweenSlices": 1,
    "StationName": "fmrif3tb",
    "acq_id": "CUBE",
    "dataset": "ds004215",
    "modality": "T2w",
    "session_id": "01",
    "subject_id": "ON82948"
  },
  "cjv": 1.4052448334642327,
  "cnr": 0.9095261476550808,
  "efc": 0.397977008087908,
  "fber": 9972.950647294929,
  "fwhm_avg": 2.3852233333333337,
  "fwhm_x": 2.0659,
  "fwhm_y": 2.62919,
  "fwhm_z": 2.46058,
  "icvs_csf": 0.3326861246687789,
  "icvs_gm": 0.48604611759389665,
  "icvs_wm": 0.18126775773732445,
  "inu_med": 0.9866513609886169,
  "inu_range": 0.683102440834045,
  "provenance": {
    "md5sum": "ef1f4f83d4e9f5947083dc71c94f7599",
    "settings": {
      "testing": false
    },
    "software": "mriqc",
    "version": "22.0.6",
    "warnings": {
      "large_rot_frame": true,
      "small_air_mask": false
    },
    "webapi_port": null,
    "webapi_url": "https://mriqc.nimh.nih.gov/api/v1"
  },
  "qi_1": 0.0,
  "qi_2": 0.008538584086891718,
  "rpve_csf": 16.694379528739365,
  "rpve_gm": 13.211793202104486,
  "rpve_wm": 36.14472321481827,
  "size_x": 204,
  "size_y": 256,
  "size_z": 256,
  "snr_csf": 13.578887682366126,
  "snr_gm": 12.76791858311731,
  "snr_total": 9.33610749352121,
  "snr_wm": 1.6615162150801905,
  "snrd_csf": 67.07919879006744,
  "snrd_gm": 48.08171835053385,
  "snrd_total": 73.875031307494,
  "snrd_wm": 106.46417678188072,
  "spacing_x": 1.0,
  "spacing_y": 1.0,
  "spacing_z": 1.0,
  "summary_bg_k": 197.71609651911382,
  "summary_bg_mad": 6.156100320369988,
  "summary_bg_mean": 4.088037523058895,
  "summary_bg_median": 4.152226567268372,
  "summary_bg_n": 3244682.0,
  "summary_bg_p05": 0.0,
  "summary_bg_p95": 11.475838780403137,
  "summary_bg_stdv": 6.3548325495326505,
  "summary_csf_k": 0.3937083356621103,
  "summary_csf_mad": 44.88621178474495,
  "summary_csf_mean": 631.9331226568737,
  "summary_csf_median": 630.3210707902908,
  "summary_csf_n": 31925.0,
  "summary_csf_p05": 559.1512535333634,
  "summary_csf_p95": 710.4230793714523,
  "summary_csf_stdv": 46.418470610631495,
  "summary_gm_k": 0.022090740809432408,
  "summary_gm_mad": 35.96713730483883,
  "summary_gm_mean": 452.2070391879485,
  "summary_gm_median": 451.8080230951309,
  "summary_gm_n": 183974.0,
  "summary_gm_p05": 395.2461966276169,
  "summary_gm_p95": 510.3315314054489,
  "summary_gm_stdv": 35.386096194110465,
  "summary_wm_k": -1.3560255295829329,
  "summary_wm_mad": 734.9511264366122,
  "summary_wm_mean": 840.6161653830674,
  "summary_wm_median": 1000.408697783947,
  "summary_wm_n": 47448.0,
  "summary_wm_p05": 29.196364760398865,
  "summary_wm_p95": 1776.1476088464262,
  "summary_wm_stdv": 602.0995440729761,
  "tpm_overlap_csf": 0.09895329278963476,
  "tpm_overlap_gm": 0.305127696713686,
  "tpm_overlap_wm": 0.04093455536122,
  "wm2max": 0.6016694195375177
}