{
  "bids_meta": {
    "AcquisitionMatrixPE": 256,
    "AcquisitionNumber": 1,
    "AcquisitionTime": "15:43:28.000000",
    "BodyPartExamined": "BRAIN",
    "CoilString": "32Ch Head",
    "ConversionSoftware": "dcm2niix",
    "ConversionSoftwareVersion": "v1.0.20211006",
    "Dcm2bidsVersion": "2.1.6",
    "DeviceSerialNumber": "000301496MR3T6MR",
    "EchoTime": 0.00294,
    "FlipAngle": 8,
    "ImageOrientationPatientDICOM": [
      0,
      1,
      0,
      0,
      0,
      -1
    ],
    "ImageType": [
      "ORIGINAL",
      "PRIMARY",
      "OTHER"
    ],
    "ImagingFrequency": 127.697,
    "InPlanePhaseEncodingDirectionDICOM": "ROW",
    "InstitutionName": "NIH FMRIF",
    "InversionTime": 1.06,
    "MRAcquisitionType": "3D",
    "MagneticFieldStrength": 3,
    "Manufacturer": "GE",
    "ManufacturersModelName": "DISCOVERY MR750",
    "Modality": "MR",
    "ParallelReductionFactorInPlane": 2,
    "ParallelReductionOutOfPlane": 2,
    "PatientPosition": "HFS",
    "PercentPhaseFOV": 100,
    "PercentSampling": 100,
    "PixelBandwidth": 244.141,
    "ProcedureStepDescription": "MRI Brain",
    "ProtocolName": "ADNI3 FMRIF Enhanced Pro",
    "ReconMatrixPE": 256,
    "RepetitionTime": 0.00668,
    "SAR": 0.0679437,
    "ScanOptions": "EDR_GEMS\\ACC_GEMS\\IR_GEMS",
    "ScanningSequence": "RM",
    "SequenceVariant": "NONE",
    "SeriesDescription": "ORIG Sag_MPRAGE_T1",
    "SeriesNumber": 40003,
    "SliceThickness": 1,
    "SoftwareVersions": "27\\LX\\MR Software release:DV26.0_R01_1725.a",
    "SpacingBetweenSlices": 1,
    "StationName": "fmrif3tb",
    "acq_id": "SagittalMPRAGE",
    "dataset": "ds004215",
    "modality": "T1w",
    "session_id": "01",
    "subject_id": "ON82948"
  },
  "cjv": 0.34856577943152256,
  "cnr": 3.7811410976975792,
  "efc": 0.4439749297206034,
  "fber": 5601.774025,
  "fwhm_avg": 3.6431566666666666,
  "fwhm_x": 3.61062,
  "fwhm_y": 3.77906,
  "fwhm_z": 3.53979,
  "icvs_csf": 0.19013751315040692,
  "icvs_gm": 0.4524753659848932,
  "icvs_wm": 0.35738712086469987,
  "inu_med": 0.8715394735336304,
  "inu_range": 0.5296419382095338,
  "provenance": {
    "md5sum": "ff9e903009f23ee7340eab3a2406eee6",
    "settings": {
      "testing": false
    },
    "software": "mriqc",
    "version": "22.0.6",
    "warnings": {
      "large_rot_frame": true,
      "small_air_mask": false
    },
    "webapi_port": null,
    "webapi_url": "https://mriqc.nimh.nih.gov/api/v1"
  },
  "qi_1": 0.0,
  "qi_2": 0.0015026384183596168,
  "rpve_csf": 29.562249057328398,
  "rpve_gm": 13.616174942274954,
  "rpve_wm": 19.598661385096197,
  "size_x": 208,
  "size_y": 256,
  "size_z": 256,
  "snr_csf": 1.0288870652732751,
  "snr_gm": 8.782758797850569,
  "snr_total": 9.26480297926283,
  "snr_wm": 17.982763074664646,
  "snrd_csf": 5.878773937852439,
  "snrd_gm": 30.821324377930125,
  "snrd_total": 28.093492403328487,
  "snrd_wm": 47.58037889420291,
  "spacing_x": 1.0,
  "spacing_y": 1.0,
  "spacing_z": 1.0,
  "summary_bg_k": 1.68936397613012,
  "summary_bg_mad": 13.769672072182816,
  "summary_bg_mean": 13.411673047039113,
  "summary_bg_median": 9.28750267624855,
  "summary_bg_n": 3437795.0,
  "summary_bg_p05": 0.0,
  "summary_bg_p95": 35.73867451399565,
  "summary_bg_stdv": 12.064816462431684,
  "summary_csf_k": 1.9779833925027361,
  "summary_csf_mad": 86.1279488436533,
  "summary_csf_mean": 161.02624077068103,
  "summary_csf_median": 123.56020717322826,
  "summary_csf_n": 26709.0,
  "summary_csf_p05": 35.73867451399565,
  "summary_csf_p95": 415.79785265773535,
  "summary_csf_stdv": 120.08887878952268,
  "summary_gm_k": 0.4014050992251259,
  "summary_gm_mad": 69.65834107104249,
  "summary_gm_mean": 647.1744336622223,
  "summary_gm_median": 647.8033116683364,
  "summary_gm_n": 39021.0,
  "summary_gm_p05": 523.9244156777859,
  "summary_gm_p95": 767.5392530336976,
  "summary_gm_stdv": 73.75757729708317,
  "summary_wm_k": 0.5338675952887031,
  "summary_wm_mad": 53.121234905920964,
  "summary_wm_mean": 1000.8995651990549,
  "summary_wm_median": 1000.0455087572336,
  "summary_wm_n": 217752.0,
  "summary_wm_p05": 911.8597603067756,
  "summary_wm_p95": 1092.9205355197191,
  "summary_wm_stdv": 55.61120992962804,
  "tpm_overlap_csf": 0.148284516337409,
  "tpm_overlap_gm": 0.4608378475110953,
  "tpm_overlap_wm": 0.5038201257673395,
  "wm2max": 0.4393375735029401
}