{
  "aor": 0.0009781407035175879,
  "aqi": 0.001794705407035176,
  "bids_meta": {
    "AcquisitionMatrixPE": 64,
    "AcquisitionNumber": 1,
    "AcquisitionTime": "15:42:11.000000",
    "BodyPartExamined": "BRAIN",
    "CoilString": "32Ch Head",
    "ConversionSoftware": "dcm2niix",
    "ConversionSoftwareVersion": "v1.0.20211006",
    "Dcm2bidsVersion": "2.1.6",
    "DeviceSerialNumber": "000301496MR3T6MR",
    "EchoTime": 0.0169,
    "EffectiveEchoSpacing": 0.000416,
    "FlipAngle": 90,
    "ImageOrientationPatientDICOM": [
      1,
      0,
      0,
      0,
      1,
      0
    ],
    "ImageType": [
      "ORIGINAL",
      "PRIMARY",
      "OTHER"
    ],
    "ImagingFrequency": 127.697,
    "InPlanePhaseEncodingDirectionDICOM": "COL",
    "InstitutionName": "NIH FMRIF",
    "InternalPulseSequenceName": "EPI",
    "MRAcquisitionType": "2D",
    "MagneticFieldStrength": 3,
    "Manufacturer": "GE",
    "ManufacturersModelName": "DISCOVERY MR750",
    "Modality": "MR",
    "PatientPosition": "HFS",
    "PercentPhaseFOV": 100,
    "PercentSampling": 100,
    "PhaseEncodingDirection": "j",
    "PhaseEncodingPolarityGE": "Flipped",
    "PixelBandwidth": 7812.5,
    "ProcedureStepDescription": "MRI Brain",
    "ProtocolName": "ADNI3 FMRIF Enhanced Pro",
    "PulseSequenceName": "epi",
    "ReconMatrixPE": 64,
    "RepetitionTime": 3,
    "SAR": 0.157948,
    "ScanOptions": "MP_GEMS\\EPI_GEMS\\PFF",
    "ScanningSequence": "EP\\GR",
    "SequenceVariant": "SS",
    "SeriesDescription": "Axial rsfMRI with Eyes Open - RKV",
    "SeriesNumber": 11,
    "SliceThickness": 3.4,
    "SliceTiming": [
      0,
      1.5,
      0.0625,
      1.5625,
      0.125,
      1.625,
      0.1875,
      1.6875,
      0.25,
      1.75,
      0.3125,
      1.8125,
      0.375,
      1.875,
      0.4375,
      1.9375,
      0.5,
      2,
      0.5625,
      2.0625,
      0.625,
      2.125,
      0.6875,
      2.1875,
      0.75,
      2.25,
      0.8125,
      2.3125,
      0.875,
      2.375,
      0.9375,
      2.4375,
      1,
      2.5,
      1.0625,
      2.5625,
      1.125,
      2.625,
      1.1875,
      2.6875,
      1.25,
      2.75,
      1.3125,
      2.8125,
      1.375,
      2.875,
      1.4375,
      2.9375
    ],
    "SoftwareVersions": "27\\LX\\MR Software release:DV26.0_R01_1725.a",
    "SpacingBetweenSlices": 3.4,
    "StationName": "fmrif3tb",
    "TaskName": "Resting state with eyes open.",
    "TotalReadoutTime": 0.026208,
    "TriggerDelayTime": 599938,
    "dataset": "ds004215",
    "modality": "bold",
    "session_id": "01",
    "subject_id": "ON55820",
    "task_id": "rest"
  },
  "dummy_trs": 1,
  "dvars_nstd": 10.031514632474742,
  "dvars_std": 1.1834301709090902,
  "dvars_vstd": 0.9571216348989896,
  "efc": 0.45567919384046923,
  "fber": 5558.02294921875,
  "fd_mean": 0.05135706493519379,
  "fd_num": 0,
  "fd_perc": 0.0,
  "fwhm_avg": 2.6391173190836437,
  "fwhm_x": 2.604951272727273,
  "fwhm_y": 2.428887272727273,
  "fwhm_z": 2.883513411796385,
  "gcor": 0.0266548,
  "gsr_x": -0.00700152525678277,
  "gsr_y": 0.030893908813595772,
  "provenance": {
    "md5sum": "a08fbb90dc0ee13f5a7fa93b28f85227",
    "settings": {
      "fd_thres": 0.2,
      "testing": false
    },
    "software": "mriqc",
    "version": "22.0.6",
    "webapi_port": null,
    "webapi_url": "https://mriqc.nimh.nih.gov/api/v1"
  },
  "size_t": 199,
  "size_x": 64,
  "size_y": 64,
  "size_z": 48,
  "snr": 4.162836947022557,
  "spacing_tr": 3.0,
  "spacing_x": 3.4375,
  "spacing_y": 3.4375,
  "spacing_z": 3.4000015258789062,
  "summary_bg_k": 24.785615771879876,
  "summary_bg_mad": 10.460166312872596,
  "summary_bg_mean": 125.4311294555664,
  "summary_bg_median": 34.055274963378906,
  "summary_bg_n": 134558.0,
  "summary_bg_p05": 23.396984100341797,
  "summary_bg_p95": 610.7999786376951,
  "summary_bg_stdv": 232.85520935058594,
  "summary_fg_k": 1.7673113528532447,
  "summary_fg_mad": 510.29097930130337,
  "summary_fg_mean": 2595.3974609375,
  "summary_fg_median": 2505.406982421875,
  "summary_fg_n": 26027.0,
  "summary_fg_p05": 1764.1266113281251,
  "summary_fg_p95": 3697.4723632812484,
  "summary_fg_stdv": 601.8392944335938,
  "tsnr": 131.27041976340115
}