{
  "bids_meta": {
    "AcquisitionMatrixPE": 256,
    "AcquisitionNumber": 1,
    "AcquisitionTime": "15:20:17.000000",
    "BodyPartExamined": "BRAIN",
    "CoilString": "32Ch Head",
    "ConversionSoftware": "dcm2niix",
    "ConversionSoftwareVersion": "v1.0.20211006",
    "Dcm2bidsVersion": "2.1.6",
    "DeviceSerialNumber": "000301496MR3T6MR",
    "EchoTime": 0.066902,
    "EchoTrainLength": 140,
    "FlipAngle": 90,
    "ImageOrientationPatientDICOM": [
      0,
      1,
      0,
      0,
      0,
      -1
    ],
    "ImageType": [
      "ORIGINAL",
      "PRIMARY",
      "OTHER"
    ],
    "ImagingFrequency": 127.696,
    "InPlanePhaseEncodingDirectionDICOM": "ROW",
    "InstitutionName": "NIH FMRIF",
    "MRAcquisitionType": "3D",
    "MagneticFieldStrength": 3,
    "Manufacturer": "GE",
    "ManufacturersModelName": "DISCOVERY MR750",
    "Modality": "MR",
    "ParallelReductionFactorInPlane": 2,
    "ParallelReductionOutOfPlane": 1.5,
    "PatientPosition": "HFS",
    "PercentPhaseFOV": 100,
    "PercentSampling": 100,
    "PhaseEncodingAxis": "i",
    "PixelBandwidth": 244.141,
    "ProcedureStepDescription": "MRI Brain",
    "ProtocolName": "ADNI3 FMRIF Enhanced Pro",
    "ReconMatrixPE": 256,
    "RepetitionTime": 3.202,
    "SAR": 0.4821,
    "ScanOptions": "SAT_GEMS\\EDR_GEMS\\PROMO_GEMS\\ACC_GEMS\\FS\\FR_GEMS",
    "ScanningSequence": "RM",
    "SequenceVariant": "NONE",
    "SeriesDescription": "ORIG Anat T2w CUBE (ABCD)",
    "SeriesNumber": 40004,
    "SliceThickness": 1,
    "SoftwareVersions": "27\\LX\\MR Software release:DV26.0_R03_1831.b",
    "SpacingBetweenSlices": 1,
    "StationName": "FMRI3tb",
    "acq_id": "CUBE",
    "dataset": "ds004215",
    "modality": "T2w",
    "session_id": "01",
    "subject_id": "ON86202"
  },
  "cjv": 0.8436756774504646,
  "cnr": 1.113258793493766,
  "efc": 0.3708096095358761,
  "fber": 14525.13554601899,
  "fwhm_avg": 2.2518133333333332,
  "fwhm_x": 1.89018,
  "fwhm_y": 2.47282,
  "fwhm_z": 2.39244,
  "icvs_csf": 0.3040866301663938,
  "icvs_gm": 0.504465710433305,
  "icvs_wm": 0.1914476594003012,
  "inu_med": 0.8664150834083557,
  "inu_range": 0.5002752661705018,
  "provenance": {
    "md5sum": "cc3c2b89d0618110582071941950fd45",
    "settings": {
      "testing": false
    },
    "software": "mriqc",
    "version": "22.0.6",
    "warnings": {
      "large_rot_frame": true,
      "small_air_mask": false
    },
    "webapi_port": null,
    "webapi_url": "https://mriqc.nimh.nih.gov/api/v1"
  },
  "qi_1": 0.0,
  "qi_2": 0.022290702524750957,
  "rpve_csf": 19.615899852043373,
  "rpve_gm": 14.154191618367589,
  "rpve_wm": 38.11510123123707,
  "size_x": 204,
  "size_y": 256,
  "size_z": 256,
  "snr_csf": 12.749225162420911,
  "snr_gm": 12.642264160514857,
  "snr_total": 9.140714106788211,
  "snr_wm": 2.030652997428869,
  "snrd_csf": 77.84345064423665,
  "snrd_gm": 56.45444341178304,
  "snrd_total": 86.55313796050439,
  "snrd_wm": 125.36151982549347,
  "spacing_x": 1.0,
  "spacing_y": 1.0,
  "spacing_z": 1.0,
  "summary_bg_k": 0.9314995726167661,
  "summary_bg_mad": 5.2266954463609885,
  "summary_bg_mean": 3.1918514560243842,
  "summary_bg_median": 3.525352505967021,
  "summary_bg_n": 4131959.0,
  "summary_bg_p05": 0.0,
  "summary_bg_p95": 8.57585751451552,
  "summary_bg_stdv": 3.4043348101498134,
  "summary_csf_k": 0.4729896811679333,
  "summary_csf_mad": 46.891983969125185,
  "summary_csf_mean": 622.1677114876244,
  "summary_csf_median": 621.037098551169,
  "summary_csf_n": 21655.0,
  "summary_csf_p05": 543.9543909206986,
  "summary_csf_p95": 704.0528994416818,
  "summary_csf_stdv": 48.71062759716451,
  "summary_gm_k": -0.018441398821262833,
  "summary_gm_mad": 36.51273060046506,
  "summary_gm_mean": 449.97424770022116,
  "summary_gm_median": 450.39503576233983,
  "summary_gm_n": 170251.0,
  "summary_gm_p05": 391.08910566195846,
  "summary_gm_p95": 506.8256783578545,
  "summary_gm_stdv": 35.6260324340318,
  "summary_wm_k": -1.4014872488677652,
  "summary_wm_mad": 427.29161993051855,
  "summary_wm_mean": 787.6850442951546,
  "summary_wm_median": 1000.1375054428354,
  "summary_wm_n": 49484.0,
  "summary_wm_p05": 27.252725046128035,
  "summary_wm_p95": 1364.3826769343577,
  "summary_wm_stdv": 492.5151667924446,
  "tpm_overlap_csf": 0.10107114264441047,
  "tpm_overlap_gm": 0.3258890513106114,
  "tpm_overlap_wm": 0.04456708600856077,
  "wm2max": 0.7417942757641139
}