{
  "bids_meta": {
    "AcquisitionMatrixPE": 256,
    "AcquisitionNumber": 1,
    "AcquisitionTime": "14:20:31.000000",
    "BodyPartExamined": "BRAIN",
    "CoilString": "32Ch Head",
    "ConversionSoftware": "dcm2niix",
    "ConversionSoftwareVersion": "v1.0.20211006",
    "Dcm2bidsVersion": "2.1.6",
    "DeviceSerialNumber": "000301496MR3T6MR",
    "EchoTime": 0.066831,
    "EchoTrainLength": 140,
    "FlipAngle": 90,
    "ImageOrientationPatientDICOM": [
      0,
      1,
      0,
      0,
      0,
      -1
    ],
    "ImageType": [
      "ORIGINAL",
      "PRIMARY",
      "OTHER"
    ],
    "ImagingFrequency": 127.697,
    "InPlanePhaseEncodingDirectionDICOM": "ROW",
    "InstitutionName": "NIH FMRIF",
    "MRAcquisitionType": "3D",
    "MagneticFieldStrength": 3,
    "Manufacturer": "GE",
    "ManufacturersModelName": "DISCOVERY MR750",
    "Modality": "MR",
    "ParallelReductionFactorInPlane": 2,
    "ParallelReductionOutOfPlane": 1.5,
    "PatientPosition": "HFS",
    "PercentPhaseFOV": 100,
    "PercentSampling": 100,
    "PhaseEncodingAxis": "i",
    "PixelBandwidth": 244.141,
    "ProcedureStepDescription": "MRI Brain",
    "ProtocolName": "ADNI3 FMRIF Enhanced Pro",
    "ReconMatrixPE": 256,
    "RepetitionTime": 3.202,
    "SAR": 0.4318,
    "ScanOptions": "SAT_GEMS\\EDR_GEMS\\PROMO_GEMS\\ACC_GEMS\\FS\\FR_GEMS",
    "ScanningSequence": "RM",
    "SequenceVariant": "NONE",
    "SeriesDescription": "Sag_CUBE_T2",
    "SeriesNumber": 4,
    "SliceThickness": 1,
    "SoftwareVersions": "27\\LX\\MR Software release:DV26.0_R01_1725.a",
    "SpacingBetweenSlices": 1,
    "StationName": "fmrif3tb",
    "acq_id": "CUBE",
    "dataset": "ds004215",
    "modality": "T2w",
    "session_id": "01",
    "subject_id": "ON94663"
  },
  "cjv": 3.703668417907105,
  "cnr": 0.4083734323393122,
  "efc": 0.4090811777026105,
  "fber": 5711.040816326531,
  "fwhm_avg": 2.4846533333333336,
  "fwhm_x": 2.09581,
  "fwhm_y": 2.74743,
  "fwhm_z": 2.61072,
  "icvs_csf": 0.2940323608843715,
  "icvs_gm": 0.48685855572139375,
  "icvs_wm": 0.21910908339423477,
  "inu_med": 0.9627178907394409,
  "inu_range": 0.6622577548027039,
  "provenance": {
    "md5sum": "881f89d796b4ddfebfad0d1f5b125b2b",
    "settings": {
      "testing": false
    },
    "software": "mriqc",
    "version": "22.0.6",
    "warnings": {
      "large_rot_frame": true,
      "small_air_mask": false
    },
    "webapi_port": null,
    "webapi_url": "https://mriqc.nimh.nih.gov/api/v1"
  },
  "qi_1": 0.0,
  "qi_2": 0.013077377041417704,
  "rpve_csf": 18.115578344017138,
  "rpve_gm": 13.2821943618375,
  "rpve_wm": 30.69737672156964,
  "size_x": 204,
  "size_y": 256,
  "size_z": 256,
  "snr_csf": 11.33528786757222,
  "snr_gm": 11.369798660116503,
  "snr_total": 7.939889948941335,
  "snr_wm": 1.1145833191352856,
  "snrd_csf": 54.02090227791689,
  "snrd_gm": 36.90745501240996,
  "snrd_total": 49.74839321368294,
  "snrd_wm": 58.31682235072198,
  "spacing_x": 1.0,
  "spacing_y": 1.0,
  "spacing_z": 1.0,
  "summary_bg_k": 66.9074690721059,
  "summary_bg_mad": 11.259514744843488,
  "summary_bg_mean": 9.754955269721837,
  "summary_bg_median": 7.594427287578583,
  "summary_bg_n": 3293370.0,
  "summary_bg_p05": 0.0,
  "summary_bg_p95": 27.661821246147156,
  "summary_bg_stdv": 11.287541599459612,
  "summary_csf_k": 0.3745017227124481,
  "summary_csf_mad": 78.81660321390441,
  "summary_csf_mean": 932.029146932568,
  "summary_csf_median": 928.4313094615936,
  "summary_csf_n": 16814.0,
  "summary_csf_p05": 804.5390415221452,
  "summary_csf_p95": 1070.8997477233409,
  "summary_csf_stdv": 81.90384849688945,
  "summary_gm_k": 0.11532501519348504,
  "summary_gm_mad": 55.85017578733624,
  "summary_gm_mean": 635.3633460965847,
  "summary_gm_median": 634.310708284378,
  "summary_gm_n": 200264.0,
  "summary_gm_p05": 545.591703414917,
  "summary_gm_p95": 727.5058987736702,
  "summary_gm_stdv": 55.78894961624559,
  "summary_wm_k": -1.4822690489721226,
  "summary_wm_mad": 1306.9239399527935,
  "summary_wm_mean": 1039.2756825576885,
  "summary_wm_median": 1002.2632250785828,
  "summary_wm_n": 66460.0,
  "summary_wm_p05": 34.75079161822797,
  "summary_wm_p95": 2425.4890753030777,
  "summary_wm_stdv": 899.2200650181235,
  "tpm_overlap_csf": 0.1042213450157898,
  "tpm_overlap_gm": 0.31791182470260376,
  "tpm_overlap_wm": 0.04075615473976842,
  "wm2max": 0.40593172003585104
}