{
  "bids_meta": {
    "AcquisitionMatrixPE": 256,
    "AcquisitionNumber": 1,
    "AcquisitionTime": "16:26:6.000000",
    "BodyPartExamined": "BRAIN",
    "CoilString": "32Ch Head",
    "ConversionSoftware": "dcm2niix",
    "ConversionSoftwareVersion": "v1.0.20211006",
    "Dcm2bidsVersion": "2.1.6",
    "DeviceSerialNumber": "000301496MR3T6MR",
    "EchoTime": 0.066091,
    "EchoTrainLength": 140,
    "FlipAngle": 90,
    "ImageOrientationPatientDICOM": [
      0,
      1,
      0,
      0,
      0,
      -1
    ],
    "ImageType": [
      "ORIGINAL",
      "PRIMARY",
      "OTHER"
    ],
    "ImagingFrequency": 127.697,
    "InPlanePhaseEncodingDirectionDICOM": "ROW",
    "InstitutionName": "NIH FMRIF",
    "MRAcquisitionType": "3D",
    "MagneticFieldStrength": 3,
    "Manufacturer": "GE",
    "ManufacturersModelName": "DISCOVERY MR750",
    "Modality": "MR",
    "ParallelReductionFactorInPlane": 2,
    "ParallelReductionOutOfPlane": 1.5,
    "PatientPosition": "HFS",
    "PercentPhaseFOV": 100,
    "PercentSampling": 100,
    "PhaseEncodingAxis": "i",
    "PixelBandwidth": 244.141,
    "ProcedureStepDescription": "MRI Brain",
    "ProtocolName": "ADNI3 FMRIF Enhanced Pro",
    "ReconMatrixPE": 256,
    "RepetitionTime": 3.202,
    "SAR": 0.4582,
    "ScanOptions": "SAT_GEMS\\EDR_GEMS\\PROMO_GEMS\\ACC_GEMS\\FS\\FR_GEMS",
    "ScanningSequence": "RM",
    "SequenceVariant": "NONE",
    "SeriesDescription": "Sag_CUBE_T2",
    "SeriesNumber": 4,
    "SliceThickness": 1,
    "SoftwareVersions": "27\\LX\\MR Software release:DV26.0_R01_1725.a",
    "SpacingBetweenSlices": 1,
    "StationName": "fmrif3tb",
    "acq_id": "CUBE",
    "dataset": "ds004215",
    "modality": "T2w",
    "session_id": "01",
    "subject_id": "ON66557"
  },
  "cjv": 0.48441817354398575,
  "cnr": 1.4670149825158256,
  "efc": 0.3621582506196461,
  "fber": 9106.032141240381,
  "fwhm_avg": 2.423173333333333,
  "fwhm_x": 2.04916,
  "fwhm_y": 2.65302,
  "fwhm_z": 2.56734,
  "icvs_csf": 0.19035972244010968,
  "icvs_gm": 0.23708717005040364,
  "icvs_wm": 0.5725531075094866,
  "inu_med": 0.8746074438095093,
  "inu_range": 0.5849457770586013,
  "provenance": {
    "md5sum": "817efbb5969a7e25e91d6d7c8d4ddeca",
    "settings": {
      "testing": false
    },
    "software": "mriqc",
    "version": "22.0.6",
    "warnings": {
      "large_rot_frame": true,
      "small_air_mask": false
    },
    "webapi_port": null,
    "webapi_url": "https://mriqc.nimh.nih.gov/api/v1"
  },
  "qi_1": 0.0,
  "qi_2": 0.019888578719892084,
  "rpve_csf": 29.46242366526595,
  "rpve_gm": 31.852428432196913,
  "rpve_wm": 13.37204948278991,
  "size_x": 204,
  "size_y": 256,
  "size_z": 256,
  "snr_csf": 10.874496139467393,
  "snr_gm": 2.289916520930179,
  "snr_total": 7.72714523089451,
  "snr_wm": 10.017023032285957,
  "snrd_csf": 58.59305632600532,
  "snrd_gm": 114.81437442908748,
  "snrd_total": 71.47278725860112,
  "snrd_wm": 41.01093102071058,
  "spacing_x": 1.0,
  "spacing_y": 1.0,
  "spacing_z": 1.0,
  "summary_bg_k": 14.741702597309278,
  "summary_bg_mad": 15.977019682119678,
  "summary_bg_mean": 11.478328536505533,
  "summary_bg_median": 10.776336014270782,
  "summary_bg_n": 3780949.0,
  "summary_bg_p05": 0.0,
  "summary_bg_p95": 34.161718249320984,
  "summary_bg_stdv": 13.244165330601556,
  "summary_csf_k": 0.9294299208763417,
  "summary_csf_mad": 121.13189412056042,
  "summary_csf_mean": 1435.095324244324,
  "summary_csf_median": 1428.9274938106537,
  "summary_csf_n": 6530.0,
  "summary_csf_p05": 1229.9868008941412,
  "summary_csf_p95": 1660.2228527128696,
  "summary_csf_stdv": 131.39165794699562,
  "summary_gm_k": -0.7280810449022339,
  "summary_gm_mad": 769.9401865859578,
  "summary_gm_mean": 2335.27756830871,
  "summary_gm_median": 2800.014653503895,
  "summary_gm_n": 74875.0,
  "summary_gm_p05": 86.11538718342783,
  "summary_gm_p95": 3805.681390541792,
  "summary_gm_stdv": 1222.750231251451,
  "summary_wm_k": -0.04262815064914971,
  "summary_wm_mad": 101.94860178114462,
  "summary_wm_mean": 1002.041416663946,
  "summary_wm_median": 1000.1466138958931,
  "summary_wm_n": 281368.0,
  "summary_wm_p05": 841.5072184205055,
  "summary_wm_p95": 1167.1175099700663,
  "summary_wm_stdv": 99.84451801478208,
  "tpm_overlap_csf": 0.0947601526065746,
  "tpm_overlap_gm": 0.14100518230247017,
  "tpm_overlap_wm": 0.45181713964284587,
  "wm2max": 0.26184005039043545
}