{
  "bids_meta": {
    "AcquisitionMatrixPE": 256,
    "AcquisitionNumber": 1,
    "AcquisitionTime": "14:05:23.000000",
    "BodyPartExamined": "BRAIN",
    "CoilString": "32Ch Head",
    "ConversionSoftware": "dcm2niix",
    "ConversionSoftwareVersion": "v1.0.20211006",
    "Dcm2bidsVersion": "2.1.6",
    "DeviceSerialNumber": "000301496MR3T6MR",
    "EchoTime": 0.00292,
    "FlipAngle": 8,
    "ImageOrientationPatientDICOM": [
      0,
      1,
      0,
      0,
      0,
      -1
    ],
    "ImageType": [
      "ORIGINAL",
      "PRIMARY",
      "OTHER"
    ],
    "ImagingFrequency": 127.697,
    "InPlanePhaseEncodingDirectionDICOM": "ROW",
    "InstitutionName": "NIH FMRIF",
    "InversionTime": 1.06,
    "MRAcquisitionType": "3D",
    "MagneticFieldStrength": 3,
    "Manufacturer": "GE",
    "ManufacturersModelName": "DISCOVERY MR750",
    "Modality": "MR",
    "ParallelReductionFactorInPlane": 2,
    "ParallelReductionOutOfPlane": 2,
    "PatientPosition": "HFS",
    "PercentPhaseFOV": 100,
    "PercentSampling": 100,
    "PixelBandwidth": 244.141,
    "ProcedureStepDescription": "MRI Brain",
    "ProtocolName": "ADNI3 FMRIF Enhanced Pro",
    "ReconMatrixPE": 256,
    "RepetitionTime": 0.006952,
    "SAR": 0.0992625,
    "ScanOptions": "EDR_GEMS\\PROMO_GEMS\\ACC_GEMS\\IR_GEMS",
    "ScanningSequence": "RM",
    "SequenceVariant": "NONE",
    "SeriesDescription": "ORIG Anat T1w MP-RAGE 1mm (ABCD)",
    "SeriesNumber": 40003,
    "SliceThickness": 1,
    "SoftwareVersions": "27\\LX\\MR Software release:DV26.0_R03_1831.b",
    "SpacingBetweenSlices": 1,
    "StationName": "FMRI3tb",
    "acq_id": "MPRAGE",
    "dataset": "ds004215",
    "modality": "T1w",
    "session_id": "01",
    "subject_id": "ON39099"
  },
  "cjv": 0.35812188996697203,
  "cnr": 3.696929271259349,
  "efc": 0.46008813816643696,
  "fber": 2938.3760954884924,
  "fwhm_avg": 3.6026066666666665,
  "fwhm_x": 3.57507,
  "fwhm_y": 3.73784,
  "fwhm_z": 3.49491,
  "icvs_csf": 0.20387446042169036,
  "icvs_gm": 0.4421232972419,
  "icvs_wm": 0.35400224233640964,
  "inu_med": 0.9146382808685303,
  "inu_range": 0.5374865531921387,
  "provenance": {
    "md5sum": "e12150e3a7cef3a2727ae607541a3098",
    "settings": {
      "testing": false
    },
    "software": "mriqc",
    "version": "22.0.6",
    "warnings": {
      "large_rot_frame": true,
      "small_air_mask": false
    },
    "webapi_port": null,
    "webapi_url": "https://mriqc.nimh.nih.gov/api/v1"
  },
  "qi_1": 0.0,
  "qi_2": 0.0016892488000657124,
  "rpve_csf": 29.19207053585091,
  "rpve_gm": 14.470607442605836,
  "rpve_wm": 20.950382687948228,
  "size_x": 208,
  "size_y": 256,
  "size_z": 256,
  "snr_csf": 1.1159742301079698,
  "snr_gm": 7.653488447209529,
  "snr_total": 8.65122436141869,
  "snr_wm": 17.184210406938572,
  "snrd_csf": 5.346966608237665,
  "snrd_gm": 30.69421374365753,
  "snrd_total": 28.36215730686969,
  "snrd_wm": 49.04529156871388,
  "spacing_x": 1.0,
  "spacing_y": 1.0,
  "spacing_z": 1.0,
  "summary_bg_k": 1.433912467193184,
  "summary_bg_mad": 13.358287248899396,
  "summary_bg_mean": 14.276650964302307,
  "summary_bg_median": 11.87514128163457,
  "summary_bg_n": 4589219.0,
  "summary_bg_p05": 0.0,
  "summary_bg_p95": 38.94292363151908,
  "summary_bg_stdv": 13.071253213241746,
  "summary_csf_k": 23.918486496942936,
  "summary_csf_mad": 65.28234103227823,
  "summary_csf_mean": 134.13530488741296,
  "summary_csf_median": 109.0251066237688,
  "summary_csf_n": 31932.0,
  "summary_csf_p05": 32.70564704407007,
  "summary_csf_p95": 338.45660607106964,
  "summary_csf_stdv": 97.69347402841113,
  "summary_gm_k": 0.22568297037078588,
  "summary_gm_mad": 78.50089724300922,
  "summary_gm_mean": 625.1358043119154,
  "summary_gm_median": 625.8576444033533,
  "summary_gm_n": 21704.0,
  "summary_gm_p05": 488.51315323747696,
  "summary_gm_p95": 759.7394951669498,
  "summary_gm_stdv": 81.77228338798979,
  "summary_wm_k": 0.5297232650149182,
  "summary_wm_mad": 55.50116836048996,
  "summary_wm_mean": 1001.4879730355648,
  "summary_wm_median": 1000.0376913584769,
  "summary_wm_n": 190811.0,
  "summary_wm_p05": 909.145736977458,
  "summary_wm_p95": 1098.9218043163419,
  "summary_wm_stdv": 58.19499687099296,
  "tpm_overlap_csf": 0.14993364042257126,
  "tpm_overlap_gm": 0.44732592763733303,
  "tpm_overlap_wm": 0.49180438245686053,
  "wm2max": 0.5508898718667581
}