{
  "bids_meta": {
    "AcquisitionMatrixPE": 256,
    "AcquisitionNumber": 1,
    "AcquisitionTime": "14:11:53.000000",
    "BodyPartExamined": "BRAIN",
    "CoilString": "32Ch Head",
    "ConversionSoftware": "dcm2niix",
    "ConversionSoftwareVersion": "v1.0.20211006",
    "Dcm2bidsVersion": "2.1.6",
    "DeviceSerialNumber": "000301496MR3T6MR",
    "EchoTime": 0.065821,
    "EchoTrainLength": 140,
    "FlipAngle": 90,
    "ImageOrientationPatientDICOM": [
      0,
      1,
      0,
      0,
      0,
      -1
    ],
    "ImageType": [
      "ORIGINAL",
      "PRIMARY",
      "OTHER"
    ],
    "ImagingFrequency": 127.697,
    "InPlanePhaseEncodingDirectionDICOM": "ROW",
    "InstitutionName": "NIH FMRIF",
    "MRAcquisitionType": "3D",
    "MagneticFieldStrength": 3,
    "Manufacturer": "GE",
    "ManufacturersModelName": "DISCOVERY MR750",
    "Modality": "MR",
    "ParallelReductionFactorInPlane": 2,
    "ParallelReductionOutOfPlane": 1.5,
    "PatientPosition": "HFS",
    "PercentPhaseFOV": 100,
    "PercentSampling": 100,
    "PhaseEncodingAxis": "i",
    "PixelBandwidth": 244.141,
    "ProcedureStepDescription": "MRI Brain",
    "ProtocolName": "ADNI3 FMRIF Enhanced Pro",
    "ReconMatrixPE": 256,
    "RepetitionTime": 3.202,
    "SAR": 0.4441,
    "ScanOptions": "SAT_GEMS\\EDR_GEMS\\PROMO_GEMS\\FILTERED_GEMS\\ACC_GEMS\\FS\\FR_GEMS",
    "ScanningSequence": "RM",
    "SequenceVariant": "NONE",
    "SeriesDescription": "Anat T2w CUBE (ABCD)",
    "SeriesNumber": 4,
    "SliceThickness": 1,
    "SoftwareVersions": "27\\LX\\MR Software release:DV26.0_R03_1831.b",
    "SpacingBetweenSlices": 1,
    "StationName": "FMRI3tb",
    "acq_id": "CUBE",
    "dataset": "ds004215",
    "modality": "T2w",
    "rec_id": "SCIC",
    "session_id": "01",
    "subject_id": "ON39099"
  },
  "cjv": 0.7816627680607561,
  "cnr": 1.1343954422943845,
  "efc": 0.4611827560877511,
  "fber": 2120.530920293162,
  "fwhm_avg": 2.3250266666666666,
  "fwhm_x": 1.94916,
  "fwhm_y": 2.67843,
  "fwhm_z": 2.34749,
  "icvs_csf": 0.34516207928548787,
  "icvs_gm": 0.1799244660719304,
  "icvs_wm": 0.4749134546425817,
  "inu_med": 0.8357983231544495,
  "inu_range": 0.1454026579856872,
  "provenance": {
    "md5sum": "f0bd5f1aa2e1109afe7b9389fcfe1aa9",
    "settings": {
      "testing": false
    },
    "software": "mriqc",
    "version": "22.0.6",
    "warnings": {
      "large_rot_frame": true,
      "small_air_mask": false
    },
    "webapi_port": null,
    "webapi_url": "https://mriqc.nimh.nih.gov/api/v1"
  },
  "qi_1": 0.0,
  "qi_2": 0.0071958198824241554,
  "rpve_csf": 16.92131802552298,
  "rpve_gm": 39.96202281327808,
  "rpve_wm": 14.14171877990341,
  "size_x": 204,
  "size_y": 256,
  "size_z": 256,
  "snr_csf": 12.152372965543771,
  "snr_gm": 1.9417360683337475,
  "snr_total": 8.726192718804045,
  "snr_wm": 12.084469122534617,
  "snrd_csf": 63.11374094803105,
  "snrd_gm": 105.1037082747477,
  "snrd_total": 70.59318074772207,
  "snrd_wm": 43.56209302038747,
  "spacing_x": 1.0,
  "spacing_y": 1.0,
  "spacing_z": 1.0,
  "summary_bg_k": 172.82255791674052,
  "summary_bg_mad": 15.039139202041909,
  "summary_bg_mean": 13.1562431633042,
  "summary_bg_median": 10.551533997058868,
  "summary_bg_n": 3442273.0,
  "summary_bg_p05": 0.0,
  "summary_bg_p95": 32.36823230981827,
  "summary_bg_stdv": 11.936658078107774,
  "summary_csf_k": 0.6575480305213306,
  "summary_csf_mad": 114.7206698929629,
  "summary_csf_mean": 1453.0129717851548,
  "summary_csf_median": 1448.8224676251411,
  "summary_csf_n": 26114.0,
  "summary_csf_p05": 1266.7779220193624,
  "summary_csf_p95": 1652.4798171669245,
  "summary_csf_stdv": 119.21908018521121,
  "summary_gm_k": -1.6885646634288827,
  "summary_gm_mad": 1022.8126128665085,
  "summary_gm_mean": 1791.4618049769804,
  "summary_gm_median": 2412.7331337332726,
  "summary_gm_n": 50097.0,
  "summary_gm_p05": 79.82464849948883,
  "summary_gm_p95": 3139.2699664235115,
  "summary_gm_stdv": 1242.5525241793357,
  "summary_wm_k": 0.2521851918330964,
  "summary_wm_mad": 81.46830180804612,
  "summary_wm_mean": 998.819728134749,
  "summary_wm_median": 999.9999707937241,
  "summary_wm_n": 167239.0,
  "summary_wm_p05": 860.9389084875584,
  "summary_wm_p95": 1131.5628173947334,
  "summary_wm_stdv": 82.75059259254783,
  "tpm_overlap_csf": 0.10789987188660256,
  "tpm_overlap_gm": 0.1060860512161161,
  "tpm_overlap_wm": 0.43157310861196785,
  "wm2max": 0.3221187790420833
}