{
  "bids_meta": {
    "AcquisitionMatrixPE": 256,
    "AcquisitionNumber": 1,
    "AcquisitionTime": "14:11:53.000000",
    "BodyPartExamined": "BRAIN",
    "CoilString": "32Ch Head",
    "ConversionSoftware": "dcm2niix",
    "ConversionSoftwareVersion": "v1.0.20211006",
    "Dcm2bidsVersion": "2.1.6",
    "DeviceSerialNumber": "000301496MR3T6MR",
    "EchoTime": 0.065821,
    "EchoTrainLength": 140,
    "FlipAngle": 90,
    "ImageOrientationPatientDICOM": [
      0,
      1,
      0,
      0,
      0,
      -1
    ],
    "ImageType": [
      "ORIGINAL",
      "PRIMARY",
      "OTHER"
    ],
    "ImagingFrequency": 127.697,
    "InPlanePhaseEncodingDirectionDICOM": "ROW",
    "InstitutionName": "NIH FMRIF",
    "MRAcquisitionType": "3D",
    "MagneticFieldStrength": 3,
    "Manufacturer": "GE",
    "ManufacturersModelName": "DISCOVERY MR750",
    "Modality": "MR",
    "ParallelReductionFactorInPlane": 2,
    "ParallelReductionOutOfPlane": 1.5,
    "PatientPosition": "HFS",
    "PercentPhaseFOV": 100,
    "PercentSampling": 100,
    "PhaseEncodingAxis": "i",
    "PixelBandwidth": 244.141,
    "ProcedureStepDescription": "MRI Brain",
    "ProtocolName": "ADNI3 FMRIF Enhanced Pro",
    "ReconMatrixPE": 256,
    "RepetitionTime": 3.202,
    "SAR": 0.4441,
    "ScanOptions": "SAT_GEMS\\EDR_GEMS\\PROMO_GEMS\\ACC_GEMS\\FS\\FR_GEMS",
    "ScanningSequence": "RM",
    "SequenceVariant": "NONE",
    "SeriesDescription": "ORIG Anat T2w CUBE (ABCD)",
    "SeriesNumber": 40004,
    "SliceThickness": 1,
    "SoftwareVersions": "27\\LX\\MR Software release:DV26.0_R03_1831.b",
    "SpacingBetweenSlices": 1,
    "StationName": "FMRI3tb",
    "acq_id": "CUBE",
    "dataset": "ds004215",
    "modality": "T2w",
    "session_id": "01",
    "subject_id": "ON39099"
  },
  "cjv": 1.5705625465641713,
  "cnr": 0.9091584453467175,
  "efc": 0.4120042872568824,
  "fber": 9613.8025,
  "fwhm_avg": 2.4492633333333336,
  "fwhm_x": 2.07715,
  "fwhm_y": 2.72595,
  "fwhm_z": 2.54469,
  "icvs_csf": 0.3336136711808633,
  "icvs_gm": 0.492028546449955,
  "icvs_wm": 0.17435778236918173,
  "inu_med": 0.9041929841041565,
  "inu_range": 0.4739307165145874,
  "provenance": {
    "md5sum": "df06476e993bf1f5cad7637e2e98249b",
    "settings": {
      "testing": false
    },
    "software": "mriqc",
    "version": "22.0.6",
    "warnings": {
      "large_rot_frame": true,
      "small_air_mask": false
    },
    "webapi_port": null,
    "webapi_url": "https://mriqc.nimh.nih.gov/api/v1"
  },
  "qi_1": 0.00015280181304816044,
  "qi_2": 0.015155961124211673,
  "rpve_csf": 17.3813965537874,
  "rpve_gm": 13.85930681274053,
  "rpve_wm": 40.66392900367969,
  "size_x": 204,
  "size_y": 256,
  "size_z": 256,
  "snr_csf": 11.70108337836959,
  "snr_gm": 11.470746916349206,
  "snr_total": 8.28394012469689,
  "snr_wm": 1.6799900793718763,
  "snrd_csf": 73.74830319518743,
  "snrd_gm": 50.13740775665784,
  "snrd_total": 77.81758849967618,
  "snrd_wm": 109.56705454718323,
  "spacing_x": 1.0,
  "spacing_y": 1.0,
  "spacing_z": 1.0,
  "summary_bg_k": 10.636603682568563,
  "summary_bg_mad": 0.0,
  "summary_bg_mean": 4.468268651813449,
  "summary_bg_median": 0.0,
  "summary_bg_n": 4406447.0,
  "summary_bg_p05": 0.0,
  "summary_bg_p95": 16.305663865059614,
  "summary_bg_stdv": 5.979480125957918,
  "summary_csf_k": 0.7872258782426353,
  "summary_csf_mad": 54.59279235315921,
  "summary_csf_mean": 675.5736491705131,
  "summary_csf_median": 673.1064146012068,
  "summary_csf_n": 27550.0,
  "summary_csf_p05": 587.2191554307938,
  "summary_csf_p95": 773.403736944776,
  "summary_csf_stdv": 57.524092140668046,
  "summary_gm_k": 0.0951598550664583,
  "summary_gm_mad": 39.972216249810394,
  "summary_gm_mean": 457.73367602180065,
  "summary_gm_median": 457.6079626288265,
  "summary_gm_n": 184163.0,
  "summary_gm_p05": 392.3584001325071,
  "summary_gm_p95": 522.803711052984,
  "summary_gm_stdv": 39.89336732515825,
  "summary_wm_k": -1.6139268405958833,
  "summary_wm_mad": 811.9306560203503,
  "summary_wm_mean": 807.623769694273,
  "summary_wm_median": 1000.0269029848278,
  "summary_wm_n": 46551.0,
  "summary_wm_p05": 32.261536261066794,
  "summary_wm_p95": 1605.4083077702671,
  "summary_wm_stdv": 595.2512303550324,
  "tpm_overlap_csf": 0.10856855265665918,
  "tpm_overlap_gm": 0.31977241376402943,
  "tpm_overlap_wm": 0.04241843101071863,
  "wm2max": 0.6348460354453458
}