{
  "bids_meta": {
    "AcquisitionMatrixPE": 256,
    "AcquisitionNumber": 1,
    "AcquisitionTime": "10:48:22.000000",
    "BodyPartExamined": "BRAIN",
    "CoilString": "32Ch Head",
    "ConversionSoftware": "dcm2niix",
    "ConversionSoftwareVersion": "v1.0.20211006",
    "Dcm2bidsVersion": "2.1.6",
    "DeviceSerialNumber": "000301496mr3T5mr",
    "EchoTime": 0.00292,
    "FlipAngle": 8,
    "ImageOrientationPatientDICOM": [
      0,
      1,
      0,
      0,
      0,
      -1
    ],
    "ImageType": [
      "ORIGINAL",
      "PRIMARY",
      "OTHER"
    ],
    "ImagingFrequency": 127.824,
    "InPlanePhaseEncodingDirectionDICOM": "ROW",
    "InstitutionName": "NIH FMRIF",
    "InversionTime": 1.06,
    "MRAcquisitionType": "3D",
    "MagneticFieldStrength": 3,
    "Manufacturer": "GE",
    "ManufacturersModelName": "DISCOVERY MR750",
    "Modality": "MR",
    "ParallelReductionFactorInPlane": 2,
    "ParallelReductionOutOfPlane": 2,
    "PatientPosition": "HFS",
    "PercentPhaseFOV": 100,
    "PercentSampling": 100,
    "PixelBandwidth": 244.141,
    "ProtocolName": "ADNI3 FMRIF Enhanced Pro",
    "ReconMatrixPE": 256,
    "RepetitionTime": 0.006952,
    "SAR": 0.124674,
    "ScanOptions": "EDR_GEMS\\PROMO_GEMS\\FILTERED_GEMS\\ACC_GEMS\\IR_GEMS",
    "ScanningSequence": "RM",
    "SequenceVariant": "NONE",
    "SeriesDescription": "Anat T1w MP-RAGE 1mm (ABCD)",
    "SeriesNumber": 3,
    "SliceThickness": 1,
    "SoftwareVersions": "27\\LX\\MR Software release:DV26.0_R03_1831.b",
    "SpacingBetweenSlices": 1,
    "StationName": "FMRI3ta",
    "acq_id": "MPRAGE",
    "dataset": "ds004215",
    "modality": "T1w",
    "rec_id": "SCIC",
    "session_id": "01",
    "subject_id": "ON01802"
  },
  "cjv": 0.35554778374197105,
  "cnr": 3.7655800409056313,
  "efc": 0.6854309104453318,
  "fber": 9284.97066525277,
  "fwhm_avg": 3.3149466666666663,
  "fwhm_x": 3.25467,
  "fwhm_y": 3.5243,
  "fwhm_z": 3.16587,
  "icvs_csf": 0.1958803792994498,
  "icvs_gm": 0.4443595642181911,
  "icvs_wm": 0.3597600564823591,
  "inu_med": 0.49567580223083496,
  "inu_range": 0.08143360018730167,
  "provenance": {
    "md5sum": "358ffb67fdf9467f6f38ea9357e55332",
    "settings": {
      "testing": false
    },
    "software": "mriqc",
    "version": "22.0.6",
    "warnings": {
      "large_rot_frame": true,
      "small_air_mask": false
    },
    "webapi_port": null,
    "webapi_url": "https://mriqc.nimh.nih.gov/api/v1"
  },
  "qi_1": 0.0,
  "qi_2": 0.002629770544126876,
  "rpve_csf": 28.317169647617156,
  "rpve_gm": 13.598783190867367,
  "rpve_wm": 19.376822264762186,
  "size_x": 208,
  "size_y": 256,
  "size_z": 256,
  "snr_csf": 1.6304489612839272,
  "snr_gm": 8.304778637474001,
  "snr_total": 9.855932179423318,
  "snr_wm": 19.632568939512023,
  "snrd_csf": 19.191717974482533,
  "snrd_gm": 69.91768870283454,
  "snrd_total": 65.85864518055156,
  "snrd_wm": 108.4665288643376,
  "spacing_x": 1.0,
  "spacing_y": 1.0,
  "spacing_z": 1.0,
  "summary_bg_k": 4.5986769355383394,
  "summary_bg_mad": 6.039986675388412,
  "summary_bg_mean": 11.104557225399,
  "summary_bg_median": 4.073909103870392,
  "summary_bg_n": 1149873.0,
  "summary_bg_p05": 0.0,
  "summary_bg_p95": 48.01869910955429,
  "summary_bg_stdv": 16.995850008849146,
  "summary_csf_k": 1.490056004921997,
  "summary_csf_mad": 90.5337893474886,
  "summary_csf_mean": 203.1461004209809,
  "summary_csf_median": 176.93677353858948,
  "summary_csf_n": 23639.0,
  "summary_csf_p05": 75.74799517393113,
  "summary_csf_p95": 424.08725917339325,
  "summary_csf_stdv": 108.51798199424996,
  "summary_gm_k": -0.048714983586274574,
  "summary_gm_mad": 77.51316233415129,
  "summary_gm_mean": 645.3320395233585,
  "summary_gm_median": 644.6015030443668,
  "summary_gm_n": 43136.0,
  "summary_gm_p05": 518.1433573365211,
  "summary_gm_p95": 775.8681972026825,
  "summary_gm_stdv": 77.61724416803273,
  "summary_wm_k": 0.4390775386905994,
  "summary_wm_mad": 48.84797966980792,
  "summary_wm_mean": 999.3627128821261,
  "summary_wm_median": 999.9999833106995,
  "summary_wm_n": 227248.0,
  "summary_wm_p05": 914.8708662986755,
  "summary_wm_p95": 1081.2332856059074,
  "summary_wm_stdv": 50.93565626332064,
  "tpm_overlap_csf": 0.14244450935691735,
  "tpm_overlap_gm": 0.47048830235879213,
  "tpm_overlap_wm": 0.5261081511388915,
  "wm2max": 0.7763666994234517
}