{
  "bids_meta": {
    "AcquisitionMatrixPE": 256,
    "AcquisitionNumber": 1,
    "AcquisitionTime": "10:48:22.000000",
    "BodyPartExamined": "BRAIN",
    "CoilString": "32Ch Head",
    "ConversionSoftware": "dcm2niix",
    "ConversionSoftwareVersion": "v1.0.20211006",
    "Dcm2bidsVersion": "2.1.6",
    "DeviceSerialNumber": "000301496mr3T5mr",
    "EchoTime": 0.00292,
    "FlipAngle": 8,
    "ImageOrientationPatientDICOM": [
      0,
      1,
      0,
      0,
      0,
      -1
    ],
    "ImageType": [
      "ORIGINAL",
      "PRIMARY",
      "OTHER"
    ],
    "ImagingFrequency": 127.824,
    "InPlanePhaseEncodingDirectionDICOM": "ROW",
    "InstitutionName": "NIH FMRIF",
    "InversionTime": 1.06,
    "MRAcquisitionType": "3D",
    "MagneticFieldStrength": 3,
    "Manufacturer": "GE",
    "ManufacturersModelName": "DISCOVERY MR750",
    "Modality": "MR",
    "ParallelReductionFactorInPlane": 2,
    "ParallelReductionOutOfPlane": 2,
    "PatientPosition": "HFS",
    "PercentPhaseFOV": 100,
    "PercentSampling": 100,
    "PixelBandwidth": 244.141,
    "ProtocolName": "ADNI3 FMRIF Enhanced Pro",
    "ReconMatrixPE": 256,
    "RepetitionTime": 0.006952,
    "SAR": 0.124674,
    "ScanOptions": "EDR_GEMS\\PROMO_GEMS\\ACC_GEMS\\IR_GEMS",
    "ScanningSequence": "RM",
    "SequenceVariant": "NONE",
    "SeriesDescription": "ORIG Anat T1w MP-RAGE 1mm (ABCD)",
    "SeriesNumber": 40003,
    "SliceThickness": 1,
    "SoftwareVersions": "27\\LX\\MR Software release:DV26.0_R03_1831.b",
    "SpacingBetweenSlices": 1,
    "StationName": "FMRI3ta",
    "acq_id": "MPRAGE",
    "dataset": "ds004215",
    "modality": "T1w",
    "session_id": "01",
    "subject_id": "ON01802"
  },
  "cjv": 0.38658062486722133,
  "cnr": 3.4989691818988597,
  "efc": 0.46904460435096446,
  "fber": 3252.050883099741,
  "fwhm_avg": 3.6378166666666663,
  "fwhm_x": 3.59477,
  "fwhm_y": 3.79105,
  "fwhm_z": 3.52763,
  "icvs_csf": 0.1866994247769552,
  "icvs_gm": 0.4428044354426323,
  "icvs_wm": 0.3704961397804125,
  "inu_med": 0.8887068033218384,
  "inu_range": 0.5393463611602785,
  "provenance": {
    "md5sum": "3bde4c67071735d731e376ba87ca77be",
    "settings": {
      "testing": false
    },
    "software": "mriqc",
    "version": "22.0.6",
    "warnings": {
      "large_rot_frame": true,
      "small_air_mask": false
    },
    "webapi_port": null,
    "webapi_url": "https://mriqc.nimh.nih.gov/api/v1"
  },
  "qi_1": 0.0,
  "qi_2": 0.0015036973924995231,
  "rpve_csf": 29.95728417663863,
  "rpve_gm": 13.79899847045457,
  "rpve_wm": 18.928443324542975,
  "size_x": 208,
  "size_y": 256,
  "size_z": 256,
  "snr_csf": 1.1402103082767345,
  "snr_gm": 7.811750350734447,
  "snr_total": 8.786260989815839,
  "snr_wm": 17.406822310436333,
  "snrd_csf": 5.948290381737174,
  "snrd_gm": 28.164033123318777,
  "snrd_total": 25.92607378975416,
  "snrd_wm": 43.66589786420653,
  "spacing_x": 1.0,
  "spacing_y": 1.0,
  "spacing_z": 1.0,
  "summary_bg_k": 1.6867948471230871,
  "summary_bg_mad": 15.003387635965101,
  "summary_bg_mean": 13.859104260903324,
  "summary_bg_median": 11.531672738492489,
  "summary_bg_n": 4239483.0,
  "summary_bg_p05": 0.0,
  "summary_bg_p95": 39.341046791523695,
  "summary_bg_stdv": 13.305830407127004,
  "summary_csf_k": 1.8412184781724683,
  "summary_csf_mad": 94.09101238368811,
  "summary_csf_mean": 169.72522913304599,
  "summary_csf_median": 136.22278714552522,
  "summary_csf_n": 19804.0,
  "summary_csf_p05": 35.385369255207486,
  "summary_csf_p95": 417.4092909255996,
  "summary_csf_stdv": 119.46861630589397,
  "summary_gm_k": 0.013390979871814146,
  "summary_gm_mad": 82.11156334101831,
  "summary_gm_mean": 645.9888904791911,
  "summary_gm_median": 644.9892058223486,
  "summary_gm_n": 38077.0,
  "summary_gm_p05": 511.43360828980803,
  "summary_gm_p95": 783.9968527108431,
  "summary_gm_stdv": 82.56545681442344,
  "summary_wm_k": 0.5935526678703722,
  "summary_wm_mad": 55.12872666238339,
  "summary_wm_mean": 1001.1322733493236,
  "summary_wm_median": 999.9999879859388,
  "summary_wm_n": 229219.0,
  "summary_wm_p05": 909.7862216643989,
  "summary_wm_p95": 1095.8619205467403,
  "summary_wm_stdv": 57.44861347059225,
  "tpm_overlap_csf": 0.14388329662606733,
  "tpm_overlap_gm": 0.4685429847787166,
  "tpm_overlap_wm": 0.5219066171432504,
  "wm2max": 0.5651614905455432
}