{
  "bids_meta": {
    "AcquisitionMatrixPE": 256,
    "AcquisitionNumber": 1,
    "AcquisitionTime": "10:55:6.000000",
    "BodyPartExamined": "BRAIN",
    "CoilString": "32Ch Head",
    "ConversionSoftware": "dcm2niix",
    "ConversionSoftwareVersion": "v1.0.20211006",
    "Dcm2bidsVersion": "2.1.6",
    "DeviceSerialNumber": "000301496mr3T5mr",
    "EchoTime": 0.066831,
    "EchoTrainLength": 140,
    "FlipAngle": 90,
    "ImageOrientationPatientDICOM": [
      0,
      1,
      0,
      0,
      0,
      -1
    ],
    "ImageType": [
      "ORIGINAL",
      "PRIMARY",
      "OTHER"
    ],
    "ImagingFrequency": 127.824,
    "InPlanePhaseEncodingDirectionDICOM": "ROW",
    "InstitutionName": "NIH FMRIF",
    "MRAcquisitionType": "3D",
    "MagneticFieldStrength": 3,
    "Manufacturer": "GE",
    "ManufacturersModelName": "DISCOVERY MR750",
    "Modality": "MR",
    "ParallelReductionFactorInPlane": 2,
    "ParallelReductionOutOfPlane": 1.5,
    "PatientPosition": "HFS",
    "PercentPhaseFOV": 100,
    "PercentSampling": 100,
    "PhaseEncodingAxis": "i",
    "PixelBandwidth": 244.141,
    "ProtocolName": "ADNI3 FMRIF Enhanced Pro",
    "ReconMatrixPE": 256,
    "RepetitionTime": 3.202,
    "SAR": 0.4346,
    "ScanOptions": "SAT_GEMS\\EDR_GEMS\\PROMO_GEMS\\ACC_GEMS\\FS\\FR_GEMS",
    "ScanningSequence": "RM",
    "SequenceVariant": "NONE",
    "SeriesDescription": "ORIG Anat T2w CUBE (ABCD)",
    "SeriesNumber": 40004,
    "SliceThickness": 1,
    "SoftwareVersions": "27\\LX\\MR Software release:DV26.0_R03_1831.b",
    "SpacingBetweenSlices": 1,
    "StationName": "FMRI3ta",
    "acq_id": "CUBE",
    "dataset": "ds004215",
    "modality": "T2w",
    "session_id": "01",
    "subject_id": "ON01802"
  },
  "cjv": 1.2196345340415649,
  "cnr": 0.4973948394248574,
  "efc": 0.43126998302672315,
  "fber": 6936.898186436673,
  "fwhm_avg": 2.3758233333333334,
  "fwhm_x": 2.01425,
  "fwhm_y": 2.65156,
  "fwhm_z": 2.46166,
  "icvs_csf": 0.3452340911528411,
  "icvs_gm": 0.4832512952585343,
  "icvs_wm": 0.17151461358862463,
  "inu_med": 0.9241135120391846,
  "inu_range": 0.5096950590610504,
  "provenance": {
    "md5sum": "3b10fe709a0d6b5b0ac3e4ec271d4dc0",
    "settings": {
      "testing": false
    },
    "software": "mriqc",
    "version": "22.0.6",
    "warnings": {
      "large_rot_frame": true,
      "small_air_mask": false
    },
    "webapi_port": null,
    "webapi_url": "https://mriqc.nimh.nih.gov/api/v1"
  },
  "qi_1": 9.076450423260816e-06,
  "qi_2": 0.012424923904108737,
  "rpve_csf": 16.33378900504535,
  "rpve_gm": 13.24579627306288,
  "rpve_wm": 39.88044634957075,
  "size_x": 204,
  "size_y": 256,
  "size_z": 256,
  "snr_csf": 12.719831921728101,
  "snr_gm": 12.87107258851913,
  "snr_total": 8.67205886581025,
  "snr_wm": 0.425272087183519,
  "snrd_csf": 61.50932205295239,
  "snrd_gm": 42.20488525001613,
  "snrd_total": 41.04642434252778,
  "snrd_wm": 19.425065724614804,
  "spacing_x": 1.0,
  "spacing_y": 1.0,
  "spacing_z": 1.0,
  "summary_bg_k": 3.596187549407613,
  "summary_bg_mad": 33.79703671298749,
  "summary_bg_mean": 33.71756762072168,
  "summary_bg_median": 22.795754849910736,
  "summary_bg_n": 3610690.0,
  "summary_bg_p05": 0.0,
  "summary_bg_p95": 91.05200931429863,
  "summary_bg_stdv": 32.57989021330039,
  "summary_csf_k": 0.5545934201826297,
  "summary_csf_mad": 232.59742220576163,
  "summary_csf_mean": 3181.271812155064,
  "summary_csf_median": 3173.129772081971,
  "summary_csf_n": 46210.0,
  "summary_csf_p05": 2787.2985202386976,
  "summary_csf_p95": 3606.183609187603,
  "summary_csf_stdv": 249.46048482576066,
  "summary_gm_k": 0.09310038076315097,
  "summary_gm_mad": 169.7621269376498,
  "summary_gm_mean": 2178.4807902894795,
  "summary_gm_median": 2177.256608337164,
  "summary_gm_n": 193221.0,
  "summary_gm_p05": 1903.8385602235794,
  "summary_gm_p95": 2454.735969096422,
  "summary_gm_stdv": 169.1584721666703,
  "summary_wm_k": -1.3375218157637156,
  "summary_wm_mad": 1263.5041598734692,
  "summary_wm_mean": 2398.022109414567,
  "summary_wm_median": 1002.0961427986622,
  "summary_wm_n": 52628.0,
  "summary_wm_p05": 126.3395758017898,
  "summary_wm_p95": 6424.990054951606,
  "summary_wm_stdv": 2356.342333279559,
  "tpm_overlap_csf": 0.1036615289926896,
  "tpm_overlap_gm": 0.3064343749564326,
  "tpm_overlap_wm": 0.023405283687725455,
  "wm2max": 0.15559081385651227
}