{
  "aor": 0.03471333333333334,
  "aqi": 0.0017155474444444446,
  "bids_meta": {
    "AcquisitionMatrixPE": 64,
    "AcquisitionNumber": 1,
    "AcquisitionTime": "16:05:37.000000",
    "BodyPartExamined": "BRAIN",
    "CoilString": "32Ch Head",
    "ConversionSoftware": "dcm2niix",
    "ConversionSoftwareVersion": "v1.0.20211006",
    "Dcm2bidsVersion": "2.1.6",
    "DeviceSerialNumber": "000301496MR3T6MR",
    "EchoTime": 0.0169,
    "EffectiveEchoSpacing": 0.000416,
    "FlipAngle": 90,
    "ImageOrientationPatientDICOM": [
      1,
      0,
      0,
      0,
      1,
      0
    ],
    "ImageType": [
      "ORIGINAL",
      "PRIMARY",
      "OTHER"
    ],
    "ImagingFrequency": 127.696,
    "InPlanePhaseEncodingDirectionDICOM": "COL",
    "InstitutionName": "NIH FMRIF",
    "InternalPulseSequenceName": "EPI",
    "MRAcquisitionType": "2D",
    "MagneticFieldStrength": 3,
    "Manufacturer": "GE",
    "ManufacturersModelName": "DISCOVERY MR750",
    "Modality": "MR",
    "PatientPosition": "HFS",
    "PercentPhaseFOV": 100,
    "PercentSampling": 100,
    "PhaseEncodingDirection": "j-",
    "PhaseEncodingPolarityGE": "Unflipped",
    "PixelBandwidth": 7812.5,
    "ProcedureStepDescription": "MRI Brain",
    "ProtocolName": "ADNI3 FMRIF Enhanced Pro",
    "PulseSequenceName": "epi",
    "ReconMatrixPE": 64,
    "RepetitionTime": 3,
    "SAR": 0.157425,
    "ScanOptions": "MP_GEMS\\EPI_GEMS\\PFF",
    "ScanningSequence": "EP\\GR",
    "SequenceVariant": "SS",
    "SeriesDescription": "Axial rsfMRI reverse blip - RKV",
    "SeriesNumber": 11,
    "SliceThickness": 3.4,
    "SliceTiming": [
      0,
      1.5,
      0.0625,
      1.5625,
      0.125,
      1.625,
      0.1875,
      1.6875,
      0.25,
      1.75,
      0.3125,
      1.8125,
      0.375,
      1.875,
      0.4375,
      1.9375,
      0.5,
      2,
      0.5625,
      2.0625,
      0.625,
      2.125,
      0.6875,
      2.1875,
      0.75,
      2.25,
      0.8125,
      2.3125,
      0.875,
      2.375,
      0.9375,
      2.4375,
      1,
      2.5,
      1.0625,
      2.5625,
      1.125,
      2.625,
      1.1875,
      2.6875,
      1.25,
      2.75,
      1.3125,
      2.8125,
      1.375,
      2.875,
      1.4375,
      2.9375
    ],
    "SoftwareVersions": "27\\LX\\MR Software release:DV26.0_R03_1831.b",
    "SpacingBetweenSlices": 3.4,
    "StationName": "FMRI3tb",
    "TaskName": "Resting state with reverse blip.",
    "TotalReadoutTime": 0.026208,
    "TriggerDelayTime": 29938,
    "dataset": "ds004215",
    "modality": "bold",
    "session_id": "01",
    "subject_id": "ON42107",
    "task_id": "rest"
  },
  "dummy_trs": 1,
  "dvars_nstd": 10.97944063,
  "dvars_std": 1.3244974162499998,
  "dvars_vstd": 1.37655051,
  "efc": 0.45617627022803015,
  "fber": 5454.7373046875,
  "fd_mean": 0.03623498565639349,
  "fd_num": 0,
  "fd_perc": 0.0,
  "fwhm_avg": 2.5503413493210556,
  "fwhm_x": 2.4720872727272725,
  "fwhm_y": 2.449888,
  "fwhm_z": 2.729048775235894,
  "gcor": 0.0156594,
  "gsr_x": -0.017533892765641212,
  "gsr_y": 0.02996297925710678,
  "provenance": {
    "md5sum": "887c4c5920f4a8e00fe15db0a870cda3",
    "settings": {
      "fd_thres": 0.2,
      "testing": false
    },
    "software": "mriqc",
    "version": "22.0.6",
    "webapi_port": null,
    "webapi_url": "https://mriqc.nimh.nih.gov/api/v1"
  },
  "size_t": 9,
  "size_x": 64,
  "size_y": 64,
  "size_z": 48,
  "snr": 4.939240146110053,
  "spacing_tr": 3.0,
  "spacing_x": 3.4375,
  "spacing_y": 3.4375,
  "spacing_z": 3.4000015258789062,
  "summary_bg_k": 25.443099403052152,
  "summary_bg_mad": 10.21347975027468,
  "summary_bg_mean": 120.1996841430664,
  "summary_bg_median": 34.11111068725586,
  "summary_bg_n": 134934.0,
  "summary_bg_p05": 24.55555534362793,
  "summary_bg_p95": 546.038900756835,
  "summary_bg_stdv": 224.9644775390625,
  "summary_fg_k": 2.267143808130686,
  "summary_fg_mad": 460.84224991273,
  "summary_fg_mean": 2565.119140625,
  "summary_fg_median": 2500.22216796875,
  "summary_fg_n": 26246.0,
  "summary_fg_p05": 1840.2222900390625,
  "summary_fg_p95": 3439.416748046875,
  "summary_fg_stdv": 506.1860656738281,
  "tsnr": 190.58131988719106
}