{
  "aor": 0.0010111557788944725,
  "aqi": 0.0019224119396984926,
  "bids_meta": {
    "AcquisitionMatrixPE": 64,
    "AcquisitionNumber": 1,
    "AcquisitionTime": "10:56:27.000000",
    "BodyPartExamined": "BRAIN",
    "CoilString": "32Ch Head",
    "ConversionSoftware": "dcm2niix",
    "ConversionSoftwareVersion": "v1.0.20211006",
    "Dcm2bidsVersion": "2.1.6",
    "DeviceSerialNumber": "000301496mr3T5mr",
    "EchoTime": 0.0169,
    "EffectiveEchoSpacing": 0.000416,
    "FlipAngle": 90,
    "ImageOrientationPatientDICOM": [
      1,
      0,
      0,
      0,
      1,
      0
    ],
    "ImageType": [
      "ORIGINAL",
      "PRIMARY",
      "OTHER"
    ],
    "ImagingFrequency": 127.824,
    "InPlanePhaseEncodingDirectionDICOM": "COL",
    "InstitutionName": "NIH FMRIF",
    "InternalPulseSequenceName": "EPI",
    "MRAcquisitionType": "2D",
    "MagneticFieldStrength": 3,
    "Manufacturer": "GE",
    "ManufacturersModelName": "DISCOVERY MR750",
    "Modality": "MR",
    "PatientPosition": "HFS",
    "PercentPhaseFOV": 100,
    "PercentSampling": 100,
    "PhaseEncodingDirection": "j",
    "PhaseEncodingPolarityGE": "Flipped",
    "PixelBandwidth": 7812.5,
    "ProcedureStepDescription": "MRI Brain",
    "ProtocolName": "ADNI3 FMRIF Enhanced Pro",
    "PulseSequenceName": "epi",
    "ReconMatrixPE": 64,
    "RepetitionTime": 3,
    "SAR": 0.210243,
    "ScanOptions": "MP_GEMS\\EPI_GEMS\\PFF",
    "ScanningSequence": "EP\\GR",
    "SequenceVariant": "SS",
    "SeriesDescription": "Axial rsfMRI with Eyes Open - RKV",
    "SeriesNumber": 10,
    "SliceThickness": 3.4,
    "SliceTiming": [
      0,
      1.5,
      0.0625,
      1.5625,
      0.125,
      1.625,
      0.1875,
      1.6875,
      0.25,
      1.75,
      0.3125,
      1.8125,
      0.375,
      1.875,
      0.4375,
      1.9375,
      0.5,
      2,
      0.5625,
      2.0625,
      0.625,
      2.125,
      0.6875,
      2.1875,
      0.75,
      2.25,
      0.8125,
      2.3125,
      0.875,
      2.375,
      0.9375,
      2.4375,
      1,
      2.5,
      1.0625,
      2.5625,
      1.125,
      2.625,
      1.1875,
      2.6875,
      1.25,
      2.75,
      1.3125,
      2.8125,
      1.375,
      2.875,
      1.4375,
      2.9375
    ],
    "SoftwareVersions": "27\\LX\\MR Software release:DV26.0_R03_1831.b",
    "SpacingBetweenSlices": 3.4,
    "StationName": "FMRI3ta",
    "TaskName": "Resting state with eyes open.",
    "TotalReadoutTime": 0.026208,
    "TriggerDelayTime": 599938,
    "dataset": "ds004215",
    "modality": "bold",
    "session_id": "01",
    "subject_id": "ON80038",
    "task_id": "rest"
  },
  "dummy_trs": 1,
  "dvars_nstd": 14.551377556464658,
  "dvars_std": 1.18379217489899,
  "dvars_vstd": 0.9619368192424251,
  "efc": 0.5214329498620435,
  "fber": 2793.2353515625,
  "fd_mean": 0.11868801157999984,
  "fd_num": 28,
  "fd_perc": 14.07035175879397,
  "fwhm_avg": 2.7727015941742117,
  "fwhm_x": 2.804101818181818,
  "fwhm_y": 2.5721774545454545,
  "fwhm_z": 2.941825509795364,
  "gcor": 0.0482879,
  "gsr_x": -0.012344109825789928,
  "gsr_y": 0.05886657163500786,
  "provenance": {
    "md5sum": "5f15040d538584ec039dbbf234f1b1fe",
    "settings": {
      "fd_thres": 0.2,
      "testing": false
    },
    "software": "mriqc",
    "version": "22.0.6",
    "webapi_port": null,
    "webapi_url": "https://mriqc.nimh.nih.gov/api/v1"
  },
  "size_t": 199,
  "size_x": 64,
  "size_y": 64,
  "size_z": 48,
  "snr": 3.7474923689862374,
  "spacing_tr": 3.0,
  "spacing_x": 3.4375,
  "spacing_y": 3.4375,
  "spacing_z": 3.3999977111816406,
  "summary_bg_k": 12.53248929375363,
  "summary_bg_mad": 28.951715824686616,
  "summary_bg_mean": 203.0161590576172,
  "summary_bg_median": 48.64823913574219,
  "summary_bg_n": 125917.0,
  "summary_bg_p05": 24.919597625732422,
  "summary_bg_p95": 927.8412231445309,
  "summary_bg_stdv": 326.09112548828125,
  "summary_fg_k": 2.392443935177395,
  "summary_fg_mad": 564.8265617850351,
  "summary_fg_mean": 2565.646728515625,
  "summary_fg_median": 2454.924560546875,
  "summary_fg_n": 32687.0,
  "summary_fg_p05": 1702.1949096679687,
  "summary_fg_p95": 3738.6813476562493,
  "summary_fg_stdv": 655.0745849609375,
  "tsnr": 107.75493433419615
}