{
  "aor": 0.03629333333333334,
  "aqi": 0.0014265520000000002,
  "bids_meta": {
    "AcquisitionMatrixPE": 64,
    "AcquisitionNumber": 1,
    "AcquisitionTime": "16:07:32.000000",
    "BodyPartExamined": "BRAIN",
    "CoilString": "32Ch Head",
    "ConversionSoftware": "dcm2niix",
    "ConversionSoftwareVersion": "v1.0.20211006",
    "Dcm2bidsVersion": "2.1.6",
    "DeviceSerialNumber": "000301496MR3T6MR",
    "EchoTime": 0.0169,
    "EffectiveEchoSpacing": 0.000416,
    "FlipAngle": 90,
    "ImageOrientationPatientDICOM": [
      1,
      0,
      0,
      0,
      1,
      0
    ],
    "ImageType": [
      "ORIGINAL",
      "PRIMARY",
      "OTHER"
    ],
    "ImagingFrequency": 127.697,
    "InPlanePhaseEncodingDirectionDICOM": "COL",
    "InstitutionName": "NIH FMRIF",
    "InternalPulseSequenceName": "EPI",
    "MRAcquisitionType": "2D",
    "MagneticFieldStrength": 3,
    "Manufacturer": "GE",
    "ManufacturersModelName": "DISCOVERY MR750",
    "Modality": "MR",
    "PatientPosition": "HFS",
    "PercentPhaseFOV": 100,
    "PercentSampling": 100,
    "PhaseEncodingDirection": "j-",
    "PhaseEncodingPolarityGE": "Unflipped",
    "PixelBandwidth": 7812.5,
    "ProcedureStepDescription": "MRI Brain",
    "ProtocolName": "ADNI3 FMRIF Enhanced Pro",
    "PulseSequenceName": "epi",
    "ReconMatrixPE": 64,
    "RepetitionTime": 3,
    "SAR": 0.151532,
    "ScanOptions": "MP_GEMS\\EPI_GEMS\\PFF",
    "ScanningSequence": "EP\\GR",
    "SequenceVariant": "SS",
    "SeriesDescription": "Axial rsfMRI reverse blip - RKV",
    "SeriesNumber": 12,
    "SliceThickness": 3.4,
    "SliceTiming": [
      0,
      1.5,
      0.0625,
      1.5625,
      0.125,
      1.625,
      0.1875,
      1.6875,
      0.25,
      1.75,
      0.3125,
      1.8125,
      0.375,
      1.875,
      0.4375,
      1.9375,
      0.5,
      2,
      0.5625,
      2.0625,
      0.625,
      2.125,
      0.6875,
      2.1875,
      0.75,
      2.25,
      0.8125,
      2.3125,
      0.875,
      2.375,
      0.9375,
      2.4375,
      1,
      2.5,
      1.0625,
      2.5625,
      1.125,
      2.625,
      1.1875,
      2.6875,
      1.25,
      2.75,
      1.3125,
      2.8125,
      1.375,
      2.875,
      1.4375,
      2.9375
    ],
    "SoftwareVersions": "27\\LX\\MR Software release:DV26.0_R01_1725.a",
    "SpacingBetweenSlices": 3.4,
    "StationName": "fmrif3tb",
    "TaskName": "Resting state with reverse blip.",
    "TotalReadoutTime": 0.026208,
    "TriggerDelayTime": 29938,
    "dataset": "ds004215",
    "modality": "bold",
    "session_id": "01",
    "subject_id": "ON50015",
    "task_id": "rest"
  },
  "dummy_trs": 1,
  "dvars_nstd": 11.71233403625,
  "dvars_std": 1.46292753625,
  "dvars_vstd": 1.42099619,
  "efc": 0.44924105179569185,
  "fber": 6015.2275390625,
  "fd_mean": 0.07916584708773991,
  "fd_num": 0,
  "fd_perc": 0.0,
  "fwhm_avg": 2.303916165661144,
  "fwhm_x": 2.253047272727273,
  "fwhm_y": 2.286725818181818,
  "fwhm_z": 2.3719754060743417,
  "gcor": 0.0414006,
  "gsr_x": -0.004866901319473982,
  "gsr_y": 0.030384840443730354,
  "provenance": {
    "md5sum": "71d10928ff156324defa00e40f1d4da4",
    "settings": {
      "fd_thres": 0.2,
      "testing": false
    },
    "software": "mriqc",
    "version": "22.0.6",
    "webapi_port": null,
    "webapi_url": "https://mriqc.nimh.nih.gov/api/v1"
  },
  "size_t": 9,
  "size_x": 64,
  "size_y": 64,
  "size_z": 48,
  "snr": 5.647951936057106,
  "spacing_tr": 3.0,
  "spacing_x": 3.4375,
  "spacing_y": 3.4375,
  "spacing_z": 3.4000015258789062,
  "summary_bg_k": 20.499841204510354,
  "summary_bg_mad": 8.730880359608392,
  "summary_bg_mean": 116.89341735839844,
  "summary_bg_median": 32.55555725097656,
  "summary_bg_n": 136436.0,
  "summary_bg_p05": 24.33333396911621,
  "summary_bg_p95": 593.6666870117188,
  "summary_bg_stdv": 227.6654052734375,
  "summary_fg_k": 0.536432936759756,
  "summary_fg_mad": 405.4091790987286,
  "summary_fg_mean": 2545.24365234375,
  "summary_fg_median": 2493.333251953125,
  "summary_fg_n": 25121.0,
  "summary_fg_p05": 1867.3333740234375,
  "summary_fg_p95": 3330.0,
  "summary_fg_stdv": 441.44915771484375,
  "tsnr": 228.68676867336035
}