{
  "bids_meta": {
    "AcquisitionMatrixPE": 256,
    "AcquisitionNumber": 1,
    "AcquisitionTime": "15:15:36.000000",
    "BodyPartExamined": "BRAIN",
    "CoilString": "32Ch Head",
    "ConversionSoftware": "dcm2niix",
    "ConversionSoftwareVersion": "v1.0.20211006",
    "Dcm2bidsVersion": "2.1.6",
    "DeviceSerialNumber": "000301496MR3T6MR",
    "EchoTime": 0.00292,
    "FlipAngle": 8,
    "ImageOrientationPatientDICOM": [
      0,
      1,
      0,
      0,
      0,
      -1
    ],
    "ImageType": [
      "ORIGINAL",
      "PRIMARY",
      "OTHER"
    ],
    "ImagingFrequency": 127.697,
    "InPlanePhaseEncodingDirectionDICOM": "ROW",
    "InstitutionName": "NIH FMRIF",
    "InversionTime": 1.06,
    "MRAcquisitionType": "3D",
    "MagneticFieldStrength": 3,
    "Manufacturer": "GE",
    "ManufacturersModelName": "DISCOVERY MR750",
    "Modality": "MR",
    "ParallelReductionFactorInPlane": 2,
    "ParallelReductionOutOfPlane": 2,
    "PatientPosition": "HFS",
    "PercentPhaseFOV": 100,
    "PercentSampling": 100,
    "PixelBandwidth": 244.141,
    "ProcedureStepDescription": "MRI Brain",
    "ProtocolName": "ADNI3 FMRIF Enhanced Pro",
    "ReconMatrixPE": 256,
    "RepetitionTime": 0.006952,
    "SAR": 0.132814,
    "ScanOptions": "EDR_GEMS\\PROMO_GEMS\\ACC_GEMS\\IR_GEMS",
    "ScanningSequence": "RM",
    "SequenceVariant": "NONE",
    "SeriesDescription": "ORIG Anat T1w MP-RAGE 1mm (ABCD)",
    "SeriesNumber": 40003,
    "SliceThickness": 1,
    "SoftwareVersions": "27\\LX\\MR Software release:DV26.0_R03_1831.b",
    "SpacingBetweenSlices": 1,
    "StationName": "FMRI3tb",
    "acq_id": "MPRAGE",
    "dataset": "ds004215",
    "modality": "T1w",
    "session_id": "01",
    "subject_id": "ON95259"
  },
  "cjv": 0.344758067687107,
  "cnr": 3.8675407538373534,
  "efc": 0.42617977802718393,
  "fber": 6084.739358954202,
  "fwhm_avg": 3.7326833333333336,
  "fwhm_x": 3.69019,
  "fwhm_y": 3.88403,
  "fwhm_z": 3.62383,
  "icvs_csf": 0.21770203097665594,
  "icvs_gm": 0.43906392076290307,
  "icvs_wm": 0.34323404826044096,
  "inu_med": 0.805543065071106,
  "inu_range": 0.3722938001155853,
  "provenance": {
    "md5sum": "8f7527160e155999eda3e1c1f1a2def3",
    "settings": {
      "testing": false
    },
    "software": "mriqc",
    "version": "22.0.6",
    "warnings": {
      "large_rot_frame": true,
      "small_air_mask": false
    },
    "webapi_port": null,
    "webapi_url": "https://mriqc.nimh.nih.gov/api/v1"
  },
  "qi_1": 0.0,
  "qi_2": 0.001398683213185706,
  "rpve_csf": 32.22757497979942,
  "rpve_gm": 16.65430816228834,
  "rpve_wm": 24.431535942122405,
  "size_x": 208,
  "size_y": 256,
  "size_z": 256,
  "snr_csf": 1.1828937056815778,
  "snr_gm": 7.821921420099452,
  "snr_total": 9.310679223095585,
  "snr_wm": 18.927222543505724,
  "snrd_csf": 7.418107283075297,
  "snrd_gm": 34.696636417993886,
  "snrd_total": 32.498637789417245,
  "snrd_wm": 55.38116966718255,
  "spacing_x": 1.0,
  "spacing_y": 1.0,
  "spacing_z": 1.0,
  "summary_bg_k": 2.760904268030786,
  "summary_bg_mad": 11.829587532505686,
  "summary_bg_mean": 10.155821433496465,
  "summary_bg_median": 7.978935539722443,
  "summary_bg_n": 4924760.0,
  "summary_bg_p05": 0.0,
  "summary_bg_p95": 31.55669005960226,
  "summary_bg_stdv": 10.929542109245569,
  "summary_csf_k": 0.8053456318037155,
  "summary_csf_mad": 93.89735103926388,
  "summary_csf_mean": 164.30260664018195,
  "summary_csf_median": 133.9463803730905,
  "summary_csf_n": 21800.0,
  "summary_csf_p05": 31.75616344809532,
  "summary_csf_p95": 395.1607720725238,
  "summary_csf_stdv": 113.23359616322709,
  "summary_gm_k": 0.036788742250050355,
  "summary_gm_mad": 78.19357358986258,
  "summary_gm_mean": 626.2073968181647,
  "summary_gm_median": 626.5060185790062,
  "summary_gm_n": 29057.0,
  "summary_gm_p05": 492.09287047684194,
  "summary_gm_p95": 757.9190869182348,
  "summary_gm_stdv": 80.09480077849067,
  "summary_wm_k": 0.4674458614096748,
  "summary_wm_mad": 50.57148670146181,
  "summary_wm_mean": 999.477024010279,
  "summary_wm_median": 999.9999911934137,
  "summary_wm_n": 174929.0,
  "summary_wm_p05": 912.4710683226585,
  "summary_wm_p95": 1085.0155493691564,
  "summary_wm_stdv": 52.83380224374019,
  "tpm_overlap_csf": 0.15076737200449913,
  "tpm_overlap_gm": 0.4755180495463274,
  "tpm_overlap_wm": 0.5192161285533048,
  "wm2max": 0.4570896596612246
}