{
  "bids_meta": {
    "AcquisitionMatrixPE": 256,
    "AcquisitionNumber": 1,
    "AcquisitionTime": "15:22:6.000000",
    "BodyPartExamined": "BRAIN",
    "CoilString": "32Ch Head",
    "ConversionSoftware": "dcm2niix",
    "ConversionSoftwareVersion": "v1.0.20211006",
    "Dcm2bidsVersion": "2.1.6",
    "DeviceSerialNumber": "000301496MR3T6MR",
    "EchoTime": 0.059165,
    "EchoTrainLength": 140,
    "FlipAngle": 90,
    "ImageOrientationPatientDICOM": [
      0,
      1,
      0,
      0,
      0,
      -1
    ],
    "ImageType": [
      "ORIGINAL",
      "PRIMARY",
      "OTHER"
    ],
    "ImagingFrequency": 127.697,
    "InPlanePhaseEncodingDirectionDICOM": "ROW",
    "InstitutionName": "NIH FMRIF",
    "MRAcquisitionType": "3D",
    "MagneticFieldStrength": 3,
    "Manufacturer": "GE",
    "ManufacturersModelName": "DISCOVERY MR750",
    "Modality": "MR",
    "ParallelReductionFactorInPlane": 2,
    "ParallelReductionOutOfPlane": 1.5,
    "PatientPosition": "HFS",
    "PercentPhaseFOV": 100,
    "PercentSampling": 100,
    "PhaseEncodingAxis": "i",
    "PixelBandwidth": 244.141,
    "ProcedureStepDescription": "MRI Brain",
    "ProtocolName": "ADNI3 FMRIF Enhanced Pro",
    "ReconMatrixPE": 256,
    "RepetitionTime": 3.202,
    "SAR": 0.3699,
    "ScanOptions": "SAT_GEMS\\EDR_GEMS\\PROMO_GEMS\\FILTERED_GEMS\\ACC_GEMS\\FS\\FR_GEMS",
    "ScanningSequence": "RM",
    "SequenceVariant": "NONE",
    "SeriesDescription": "Anat T2w CUBE (ABCD)",
    "SeriesNumber": 4,
    "SliceThickness": 1,
    "SoftwareVersions": "27\\LX\\MR Software release:DV26.0_R03_1831.b",
    "SpacingBetweenSlices": 1,
    "StationName": "FMRI3tb",
    "acq_id": "CUBE",
    "dataset": "ds004215",
    "modality": "T2w",
    "rec_id": "SCIC",
    "session_id": "01",
    "subject_id": "ON95259"
  },
  "cjv": 0.6049134257548751,
  "cnr": 1.1675276886254513,
  "efc": 0.44963545680723493,
  "fber": 2384.5599192526315,
  "fwhm_avg": 2.1062099999999995,
  "fwhm_x": 1.74628,
  "fwhm_y": 2.40182,
  "fwhm_z": 2.17053,
  "icvs_csf": 0.3071838602291392,
  "icvs_gm": 0.48440586214784814,
  "icvs_wm": 0.2084102776230127,
  "inu_med": 0.7946225106716156,
  "inu_range": 0.1269637644290923,
  "provenance": {
    "md5sum": "289cbf476adc23c0c8cc19eb866a0ce0",
    "settings": {
      "testing": false
    },
    "software": "mriqc",
    "version": "22.0.6",
    "warnings": {
      "large_rot_frame": true,
      "small_air_mask": false
    },
    "webapi_port": null,
    "webapi_url": "https://mriqc.nimh.nih.gov/api/v1"
  },
  "qi_1": 0.0001975275131365002,
  "qi_2": 0.00210043771778368,
  "rpve_csf": 21.314045849680248,
  "rpve_gm": 15.836897500699365,
  "rpve_wm": 39.07523130859598,
  "size_x": 204,
  "size_y": 256,
  "size_z": 256,
  "snr_csf": 12.333324490819502,
  "snr_gm": 13.369550530679104,
  "snr_total": 9.288190951811671,
  "snr_wm": 2.161697833936406,
  "snrd_csf": 71.69713097148204,
  "snrd_gm": 50.82311574521576,
  "snrd_total": 77.80361399344015,
  "snrd_wm": 110.89059526362264,
  "spacing_x": 1.0,
  "spacing_y": 1.0,
  "spacing_z": 1.0,
  "summary_bg_k": 183.9154632226876,
  "summary_bg_mad": 5.914695148118312,
  "summary_bg_mean": 5.594820552793954,
  "summary_bg_median": 3.989401252940297,
  "summary_bg_n": 3553198.0,
  "summary_bg_p05": 0.0,
  "summary_bg_p95": 12.682723386213183,
  "summary_bg_stdv": 9.342562360567797,
  "summary_csf_k": 0.20133314233983146,
  "summary_csf_mad": 51.96692354018378,
  "summary_csf_mean": 648.6888909082442,
  "summary_csf_median": 647.2952391151339,
  "summary_csf_n": 20087.0,
  "summary_csf_p05": 565.9650425272063,
  "summary_csf_p95": 736.8979851668702,
  "summary_csf_stdv": 52.48212897535487,
  "summary_gm_k": 0.23706411891002466,
  "summary_gm_mad": 33.98742734366493,
  "summary_gm_mean": 457.9943276167461,
  "summary_gm_median": 458.84068739041686,
  "summary_gm_n": 158391.0,
  "summary_gm_p05": 400.2103824093938,
  "summary_gm_p95": 511.6952920500189,
  "summary_gm_stdv": 34.31972061380664,
  "summary_wm_k": -1.5573875729855184,
  "summary_wm_mad": 294.0574557967478,
  "summary_wm_mean": 734.2820217714112,
  "summary_wm_median": 1001.1412368137389,
  "summary_wm_n": 47307.0,
  "summary_wm_p05": 33.860291231423616,
  "summary_wm_p95": 1204.1580955000593,
  "summary_wm_stdv": 463.12238450662187,
  "tpm_overlap_csf": 0.10301673624991267,
  "tpm_overlap_gm": 0.3050281269110017,
  "tpm_overlap_wm": 0.0401346954021795,
  "wm2max": 0.832126301202633
}