{
  "bids_meta": {
    "AcquisitionMatrixPE": 256,
    "AcquisitionNumber": 1,
    "AcquisitionTime": "14:13:39.000000",
    "BodyPartExamined": "BRAIN",
    "CoilString": "32Ch Head",
    "ConversionSoftware": "dcm2niix",
    "ConversionSoftwareVersion": "v1.0.20211006",
    "Dcm2bidsVersion": "2.1.6",
    "DeviceSerialNumber": "000301496MR3T6MR",
    "EchoTime": 0.065956,
    "EchoTrainLength": 140,
    "FlipAngle": 90,
    "ImageOrientationPatientDICOM": [
      0,
      1,
      0,
      0,
      0,
      -1
    ],
    "ImageType": [
      "ORIGINAL",
      "PRIMARY",
      "OTHER"
    ],
    "ImagingFrequency": 127.697,
    "InPlanePhaseEncodingDirectionDICOM": "ROW",
    "InstitutionName": "NIH FMRIF",
    "MRAcquisitionType": "3D",
    "MagneticFieldStrength": 3,
    "Manufacturer": "GE",
    "ManufacturersModelName": "DISCOVERY MR750",
    "Modality": "MR",
    "ParallelReductionFactorInPlane": 2,
    "ParallelReductionOutOfPlane": 1.5,
    "PatientPosition": "HFS",
    "PercentPhaseFOV": 100,
    "PercentSampling": 100,
    "PhaseEncodingAxis": "i",
    "PixelBandwidth": 244.141,
    "ProcedureStepDescription": "MRI Brain",
    "ProtocolName": "ADNI3 FMRIF Enhanced Pro",
    "ReconMatrixPE": 256,
    "RepetitionTime": 3.202,
    "SAR": 0.4637,
    "ScanOptions": "SAT_GEMS\\EDR_GEMS\\PROMO_GEMS\\ACC_GEMS\\FS\\FR_GEMS",
    "ScanningSequence": "RM",
    "SequenceVariant": "NONE",
    "SeriesDescription": "Sag_CUBE_T2",
    "SeriesNumber": 4,
    "SliceThickness": 1,
    "SoftwareVersions": "27\\LX\\MR Software release:DV26.0_R01_1725.a",
    "SpacingBetweenSlices": 1,
    "StationName": "fmrif3tb",
    "acq_id": "CUBE",
    "dataset": "ds004215",
    "modality": "T2w",
    "session_id": "01",
    "subject_id": "ON69092"
  },
  "cjv": 17.27709843339189,
  "cnr": 0.07338774247708937,
  "efc": 0.40576715834455074,
  "fber": 7394.067541977022,
  "fwhm_avg": 2.353956666666667,
  "fwhm_x": 2.01819,
  "fwhm_y": 2.56195,
  "fwhm_z": 2.48173,
  "icvs_csf": 0.24867004333746184,
  "icvs_gm": 0.5527624887369812,
  "icvs_wm": 0.19856746792555693,
  "inu_med": 0.9081037640571594,
  "inu_range": 0.6168548345565796,
  "provenance": {
    "md5sum": "4161bb721443637ab84edd8cd10396b1",
    "settings": {
      "testing": false
    },
    "software": "mriqc",
    "version": "22.0.6",
    "warnings": {
      "large_rot_frame": true,
      "small_air_mask": false
    },
    "webapi_port": null,
    "webapi_url": "https://mriqc.nimh.nih.gov/api/v1"
  },
  "qi_1": 0.0,
  "qi_2": 0.012767669271886583,
  "rpve_csf": 20.741256735084836,
  "rpve_gm": 12.08728404339153,
  "rpve_wm": 33.51980994519584,
  "size_x": 204,
  "size_y": 256,
  "size_z": 256,
  "snr_csf": 9.916161577979048,
  "snr_gm": 12.277306014705587,
  "snr_total": 7.690202596903409,
  "snr_wm": 0.8771401980255926,
  "snrd_csf": 62.26209793855542,
  "snrd_gm": 44.07441930966316,
  "snrd_total": 51.481603774363805,
  "snrd_wm": 48.10829407487284,
  "spacing_x": 1.0,
  "spacing_y": 1.0,
  "spacing_z": 1.0,
  "summary_bg_k": 22.594039359992703,
  "summary_bg_mad": 13.703666635228942,
  "summary_bg_mean": 12.912140748179354,
  "summary_bg_median": 9.242982685565948,
  "summary_bg_n": 3531719.0,
  "summary_bg_p05": 0.0,
  "summary_bg_p95": 33.4561949968338,
  "summary_bg_stdv": 11.987414025912999,
  "summary_csf_k": 0.39433656676560735,
  "summary_csf_mad": 120.39049461133646,
  "summary_csf_mean": 1313.607234168693,
  "summary_csf_median": 1302.3532720208168,
  "summary_csf_n": 14171.0,
  "summary_csf_p05": 1117.0683276951313,
  "summary_csf_p95": 1563.8786471486092,
  "summary_csf_stdv": 131.33179704819338,
  "summary_gm_k": -0.01004349498086965,
  "summary_gm_mad": 76.16884645102712,
  "summary_gm_mean": 922.931406660861,
  "summary_gm_median": 921.9166411161423,
  "summary_gm_n": 229587.0,
  "summary_gm_p05": 801.8712770342827,
  "summary_gm_p95": 1047.0654925704002,
  "summary_gm_stdv": 75.09095498946009,
  "summary_wm_k": -1.5190321460175868,
  "summary_wm_mad": 1381.6322544990946,
  "summary_wm_mean": 1292.5617680097398,
  "summary_wm_median": 1006.2942990064621,
  "summary_wm_n": 54506.0,
  "summary_wm_p05": 48.53983545303345,
  "summary_wm_p95": 3126.226248085499,
  "summary_wm_stdv": 1147.2340113789128,
  "tpm_overlap_csf": 0.1034856801007908,
  "tpm_overlap_gm": 0.3533872025507257,
  "tpm_overlap_wm": 0.03842851436458455,
  "wm2max": 0.3313025757431039
}