{
  "bids_meta": {
    "AcquisitionMatrixPE": 256,
    "AcquisitionNumber": 1,
    "AcquisitionTime": "14:07:23.000000",
    "BodyPartExamined": "BRAIN",
    "CoilString": "32Ch Head",
    "ConversionSoftware": "dcm2niix",
    "ConversionSoftwareVersion": "v1.0.20211006",
    "Dcm2bidsVersion": "2.1.6",
    "DeviceSerialNumber": "000301496MR3T6MR",
    "EchoTime": 0.00294,
    "FlipAngle": 8,
    "ImageOrientationPatientDICOM": [
      0,
      1,
      0,
      0,
      0,
      -1
    ],
    "ImageType": [
      "ORIGINAL",
      "PRIMARY",
      "OTHER"
    ],
    "ImagingFrequency": 127.697,
    "InPlanePhaseEncodingDirectionDICOM": "ROW",
    "InstitutionName": "NIH FMRIF",
    "InversionTime": 1.06,
    "MRAcquisitionType": "3D",
    "MagneticFieldStrength": 3,
    "Manufacturer": "GE",
    "ManufacturersModelName": "DISCOVERY MR750",
    "Modality": "MR",
    "ParallelReductionFactorInPlane": 2,
    "ParallelReductionOutOfPlane": 2,
    "PatientPosition": "HFS",
    "PercentPhaseFOV": 100,
    "PercentSampling": 100,
    "PixelBandwidth": 244.141,
    "ProcedureStepDescription": "MRI Brain",
    "ProtocolName": "ADNI3 FMRIF Enhanced Pro",
    "ReconMatrixPE": 256,
    "RepetitionTime": 0.00668,
    "SAR": 0.0569699,
    "ScanOptions": "EDR_GEMS\\FILTERED_GEMS\\ACC_GEMS\\IR_GEMS",
    "ScanningSequence": "RM",
    "SequenceVariant": "NONE",
    "SeriesDescription": "Sag_MPRAGE_T1",
    "SeriesNumber": 3,
    "SliceThickness": 1,
    "SoftwareVersions": "27\\LX\\MR Software release:DV26.0_R01_1725.a",
    "SpacingBetweenSlices": 1,
    "StationName": "fmrif3tb",
    "acq_id": "SagittalMPRAGE",
    "dataset": "ds004215",
    "modality": "T1w",
    "rec_id": "SCIC",
    "session_id": "01",
    "subject_id": "ON69092"
  },
  "cjv": 0.34300738326524544,
  "cnr": 3.9546013580524435,
  "efc": 0.6552746176109286,
  "fber": 14288.044541587902,
  "fwhm_avg": 3.489596666666667,
  "fwhm_x": 3.39136,
  "fwhm_y": 3.65847,
  "fwhm_z": 3.41896,
  "icvs_csf": 0.22899814035862465,
  "icvs_gm": 0.43786977302328933,
  "icvs_wm": 0.333132086618086,
  "inu_med": 0.5253753960132599,
  "inu_range": 0.09609124064445501,
  "provenance": {
    "md5sum": "020b25b4a3ef53e37636dc029444343d",
    "settings": {
      "testing": false
    },
    "software": "mriqc",
    "version": "22.0.6",
    "warnings": {
      "large_rot_frame": true,
      "small_air_mask": false
    },
    "webapi_port": null,
    "webapi_url": "https://mriqc.nimh.nih.gov/api/v1"
  },
  "qi_1": 1.0509509792673645e-05,
  "qi_2": 0.00244572180142786,
  "rpve_csf": 26.086398786142304,
  "rpve_gm": 13.913429397789484,
  "rpve_wm": 20.735450941632408,
  "size_x": 208,
  "size_y": 256,
  "size_z": 256,
  "snr_csf": 1.524721066704351,
  "snr_gm": 8.989378630230492,
  "snr_total": 10.252664102278844,
  "snr_wm": 20.24389260990169,
  "snrd_csf": 11.666834971607907,
  "snrd_gm": 39.53710882109125,
  "snrd_total": 37.318615278797814,
  "snrd_wm": 60.75190204369428,
  "spacing_x": 1.0,
  "spacing_y": 1.0,
  "spacing_z": 1.0,
  "summary_bg_k": 15.772555974840177,
  "summary_bg_mad": 0.0,
  "summary_bg_mean": 5.823710071807911,
  "summary_bg_median": 0.0,
  "summary_bg_n": 924701.0,
  "summary_bg_p05": 0.0,
  "summary_bg_p95": 30.194700468331575,
  "summary_bg_stdv": 10.783800919969513,
  "summary_csf_k": -0.4099832705637434,
  "summary_csf_mad": 128.05825329444212,
  "summary_csf_mean": 224.52815688127703,
  "summary_csf_median": 192.0406585559249,
  "summary_csf_n": 51444.0,
  "summary_csf_p05": 64.2937352486886,
  "summary_csf_p95": 454.9000030439347,
  "summary_csf_stdv": 125.95011391817,
  "summary_gm_k": 0.023086609295919214,
  "summary_gm_mad": 72.25315163645709,
  "summary_gm_mean": 651.5161380350634,
  "summary_gm_median": 650.7962471293285,
  "summary_gm_n": 33858.0,
  "summary_gm_p05": 533.1935023013502,
  "summary_gm_p95": 772.0965132524259,
  "summary_gm_stdv": 72.39506345834539,
  "summary_wm_k": 0.3811278470563715,
  "summary_wm_mad": 47.52632284059166,
  "summary_wm_mean": 999.1875390752165,
  "summary_wm_median": 1000.0000261757523,
  "summary_wm_n": 191868.0,
  "summary_wm_p05": 916.8021039459854,
  "summary_wm_p95": 1078.204891283065,
  "summary_wm_stdv": 49.39748691044266,
  "tpm_overlap_csf": 0.14378568238588832,
  "tpm_overlap_gm": 0.48729263221525354,
  "tpm_overlap_wm": 0.5155935349650208,
  "wm2max": 0.5999326456095573
}