{
  "aor": 0.0009919095477386932,
  "aqi": 0.0015123415477386935,
  "bids_meta": {
    "AcquisitionMatrixPE": 64,
    "AcquisitionNumber": 1,
    "AcquisitionTime": "16:10:35.000000",
    "BodyPartExamined": "BRAIN",
    "CoilString": "32Ch Head",
    "ConversionSoftware": "dcm2niix",
    "ConversionSoftwareVersion": "v1.0.20211006",
    "Dcm2bidsVersion": "2.1.6",
    "DeviceSerialNumber": "000301496MR3T6MR",
    "EchoTime": 0.0169,
    "EffectiveEchoSpacing": 0.000416,
    "FlipAngle": 90,
    "ImageOrientationPatientDICOM": [
      1,
      0,
      0,
      0,
      1,
      0
    ],
    "ImageType": [
      "ORIGINAL",
      "PRIMARY",
      "OTHER"
    ],
    "ImagingFrequency": 127.697,
    "InPlanePhaseEncodingDirectionDICOM": "COL",
    "InstitutionName": "NIH FMRIF",
    "InternalPulseSequenceName": "EPI",
    "MRAcquisitionType": "2D",
    "MagneticFieldStrength": 3,
    "Manufacturer": "GE",
    "ManufacturersModelName": "DISCOVERY MR750",
    "Modality": "MR",
    "PatientPosition": "HFS",
    "PercentPhaseFOV": 100,
    "PercentSampling": 100,
    "PhaseEncodingDirection": "j",
    "PhaseEncodingPolarityGE": "Flipped",
    "PixelBandwidth": 7812.5,
    "ProcedureStepDescription": "MRI Brain",
    "ProtocolName": "ADNI3 FMRIF Enhanced Pro",
    "PulseSequenceName": "epi",
    "ReconMatrixPE": 64,
    "RepetitionTime": 3,
    "SAR": 0.168806,
    "ScanOptions": "MP_GEMS\\EPI_GEMS\\PFF",
    "ScanningSequence": "EP\\GR",
    "SequenceVariant": "SS",
    "SeriesDescription": "Axial rsfMRI with Eyes Open - RKV",
    "SeriesNumber": 11,
    "SliceThickness": 3.4,
    "SliceTiming": [
      0,
      1.5,
      0.0625,
      1.5625,
      0.125,
      1.625,
      0.1875,
      1.6875,
      0.25,
      1.75,
      0.3125,
      1.8125,
      0.375,
      1.875,
      0.4375,
      1.9375,
      0.5,
      2,
      0.5625,
      2.0625,
      0.625,
      2.125,
      0.6875,
      2.1875,
      0.75,
      2.25,
      0.8125,
      2.3125,
      0.875,
      2.375,
      0.9375,
      2.4375,
      1,
      2.5,
      1.0625,
      2.5625,
      1.125,
      2.625,
      1.1875,
      2.6875,
      1.25,
      2.75,
      1.3125,
      2.8125,
      1.375,
      2.875,
      1.4375,
      2.9375
    ],
    "SoftwareVersions": "27\\LX\\MR Software release:DV26.0_R01_1725.a",
    "SpacingBetweenSlices": 3.4,
    "StationName": "fmrif3tb",
    "TaskName": "Resting state with eyes open.",
    "TotalReadoutTime": 0.026208,
    "TriggerDelayTime": 599938,
    "dataset": "ds004215",
    "modality": "bold",
    "session_id": "01",
    "subject_id": "ON26854",
    "task_id": "rest"
  },
  "dummy_trs": 1,
  "dvars_nstd": 11.56191822257575,
  "dvars_std": 1.2228570121212117,
  "dvars_vstd": 0.9593728164141417,
  "efc": 0.461802168495569,
  "fber": 5222.638671875,
  "fd_mean": 0.056794362595215586,
  "fd_num": 0,
  "fd_perc": 0.0,
  "fwhm_avg": 2.778744659367067,
  "fwhm_x": 2.7706909090909093,
  "fwhm_y": 2.5378385454545453,
  "fwhm_z": 3.027704523555745,
  "gcor": 0.0554267,
  "gsr_x": 0.001414267928339541,
  "gsr_y": 0.04901578649878502,
  "provenance": {
    "md5sum": "79944797f776bb7ef5aa5af89a40476f",
    "settings": {
      "fd_thres": 0.2,
      "testing": false
    },
    "software": "mriqc",
    "version": "22.0.6",
    "webapi_port": null,
    "webapi_url": "https://mriqc.nimh.nih.gov/api/v1"
  },
  "size_t": 199,
  "size_x": 64,
  "size_y": 64,
  "size_z": 48,
  "snr": 3.726546578332382,
  "spacing_tr": 3.0,
  "spacing_x": 3.4375,
  "spacing_y": 3.4375,
  "spacing_z": 3.4000015258789062,
  "summary_bg_k": 24.513241025130444,
  "summary_bg_mad": 8.575250222936457,
  "summary_bg_mean": 118.24701690673828,
  "summary_bg_median": 33.040199279785156,
  "summary_bg_n": 131375.0,
  "summary_bg_p05": 21.941708183288583,
  "summary_bg_p95": 603.160284423828,
  "summary_bg_stdv": 237.2374267578125,
  "summary_fg_k": 2.808939097758217,
  "summary_fg_mad": 529.0319979696008,
  "summary_fg_mean": 2471.075927734375,
  "summary_fg_median": 2375.51513671875,
  "summary_fg_n": 28382.0,
  "summary_fg_p05": 1597.9032043457032,
  "summary_fg_p95": 3621.922497558591,
  "summary_fg_stdv": 637.4462890625,
  "tsnr": 114.80701885093004
}