{
  "bids_meta": {
    "AcquisitionMatrixPE": 256,
    "AcquisitionNumber": 1,
    "AcquisitionTime": "14:09:5.000000",
    "BodyPartExamined": "BRAIN",
    "CoilString": "32Ch Head",
    "ConversionSoftware": "dcm2niix",
    "ConversionSoftwareVersion": "v1.0.20211006",
    "Dcm2bidsVersion": "2.1.6",
    "DeviceSerialNumber": "000301496MR3T6MR",
    "EchoTime": 0.065956,
    "EchoTrainLength": 140,
    "FlipAngle": 90,
    "ImageOrientationPatientDICOM": [
      0,
      1,
      0,
      0,
      0,
      -1
    ],
    "ImageType": [
      "ORIGINAL",
      "PRIMARY",
      "OTHER"
    ],
    "ImagingFrequency": 127.697,
    "InPlanePhaseEncodingDirectionDICOM": "ROW",
    "InstitutionName": "NIH FMRIF",
    "MRAcquisitionType": "3D",
    "MagneticFieldStrength": 3,
    "Manufacturer": "GE",
    "ManufacturersModelName": "DISCOVERY MR750",
    "Modality": "MR",
    "ParallelReductionFactorInPlane": 2,
    "ParallelReductionOutOfPlane": 1.5,
    "PatientPosition": "HFS",
    "PercentPhaseFOV": 100,
    "PercentSampling": 100,
    "PhaseEncodingAxis": "i",
    "PixelBandwidth": 244.141,
    "ProcedureStepDescription": "MRI Brain",
    "ProtocolName": "ADNI3 FMRIF Enhanced Pro",
    "ReconMatrixPE": 256,
    "RepetitionTime": 3.202,
    "SAR": 0.443,
    "ScanOptions": "SAT_GEMS\\EDR_GEMS\\PROMO_GEMS\\ACC_GEMS\\FS\\FR_GEMS",
    "ScanningSequence": "RM",
    "SequenceVariant": "NONE",
    "SeriesDescription": "Sag_CUBE_T2",
    "SeriesNumber": 4,
    "SliceThickness": 1,
    "SoftwareVersions": "27\\LX\\MR Software release:DV26.0_R01_1725.a",
    "SpacingBetweenSlices": 1,
    "StationName": "fmrif3tb",
    "acq_id": "CUBE",
    "dataset": "ds004215",
    "modality": "T2w",
    "session_id": "01",
    "subject_id": "ON84651"
  },
  "cjv": 2.3920860169201323,
  "cnr": 0.31488621764594,
  "efc": 0.38420848391107976,
  "fber": 10804.003328402367,
  "fwhm_avg": 2.3776266666666666,
  "fwhm_x": 2.02361,
  "fwhm_y": 2.62169,
  "fwhm_z": 2.48758,
  "icvs_csf": 0.2654058297281369,
  "icvs_gm": 0.5502396310702679,
  "icvs_wm": 0.18435453920159525,
  "inu_med": 0.8891255855560303,
  "inu_range": 0.5371787548065186,
  "provenance": {
    "md5sum": "fedc1d19a4b82ac74ea5f4115b6ea419",
    "settings": {
      "testing": false
    },
    "software": "mriqc",
    "version": "22.0.6",
    "warnings": {
      "large_rot_frame": true,
      "small_air_mask": false
    },
    "webapi_port": null,
    "webapi_url": "https://mriqc.nimh.nih.gov/api/v1"
  },
  "qi_1": 0.0,
  "qi_2": 0.0201734199489467,
  "rpve_csf": 20.85049796715938,
  "rpve_gm": 13.051118601666534,
  "rpve_wm": 39.70230400209509,
  "size_x": 204,
  "size_y": 256,
  "size_z": 256,
  "snr_csf": 9.392590650949845,
  "snr_gm": 10.35801370389784,
  "snr_total": 6.751147617457568,
  "snr_wm": 0.5028384975250193,
  "snrd_csf": 83.76917682116361,
  "snrd_gm": 56.69372113869694,
  "snrd_total": 58.427662212024984,
  "snrd_wm": 34.8200886762144,
  "spacing_x": 1.0,
  "spacing_y": 1.0,
  "spacing_z": 1.0,
  "summary_bg_k": 1.6537102148119445,
  "summary_bg_mad": 0.0,
  "summary_bg_mean": 14.639479947967521,
  "summary_bg_median": 0.0,
  "summary_bg_n": 4003570.0,
  "summary_bg_p05": 0.0,
  "summary_bg_p95": 52.02739334106445,
  "summary_bg_stdv": 18.888128924484924,
  "summary_csf_k": 1.063359719850693,
  "summary_csf_mad": 220.15879675629222,
  "summary_csf_mean": 2444.5930024631093,
  "summary_csf_median": 2415.135247707367,
  "summary_csf_n": 15049.0,
  "summary_csf_p05": 2079.0461696624757,
  "summary_csf_p95": 2931.526833963394,
  "summary_csf_stdv": 257.1234171423129,
  "summary_gm_k": -0.04506665690319345,
  "summary_gm_mad": 160.8459424211531,
  "summary_gm_mean": 1640.034024338513,
  "summary_gm_median": 1634.527274131775,
  "summary_gm_n": 233316.0,
  "summary_gm_p05": 1389.2693536281586,
  "summary_gm_p95": 1905.0105974674225,
  "summary_gm_stdv": 157.80281992620627,
  "summary_wm_k": -1.357486388852453,
  "summary_wm_mad": 1347.6873922208333,
  "summary_wm_mean": 2084.28305055978,
  "summary_wm_median": 1003.8922033309937,
  "summary_wm_n": 36977.0,
  "summary_wm_p05": 85.52988147735596,
  "summary_wm_p95": 5521.52536239624,
  "summary_wm_stdv": 1996.4235706518816,
  "tpm_overlap_csf": 0.10812610150314396,
  "tpm_overlap_gm": 0.35053139314902626,
  "tpm_overlap_wm": 0.03678569550941773,
  "wm2max": 0.1872931833223031
}