{
  "bids_meta": {
    "AcquisitionMatrixPE": 256,
    "AcquisitionNumber": 1,
    "AcquisitionTime": "14:07:10.000000",
    "BodyPartExamined": "BRAIN",
    "CoilString": "32Ch Head",
    "ConversionSoftware": "dcm2niix",
    "ConversionSoftwareVersion": "v1.0.20211006",
    "Dcm2bidsVersion": "2.1.6",
    "DeviceSerialNumber": "000301496MR3T6MR",
    "EchoTime": 0.003036,
    "FlipAngle": 11,
    "ImageOrientationPatientDICOM": [
      0,
      1,
      0,
      0,
      0,
      -1
    ],
    "ImageType": [
      "ORIGINAL",
      "PRIMARY",
      "OTHER"
    ],
    "ImagingFrequency": 127.697,
    "InPlanePhaseEncodingDirectionDICOM": "ROW",
    "InstitutionName": "NIH FMRIF",
    "InversionTime": 0.4,
    "MRAcquisitionType": "3D",
    "MagneticFieldStrength": 3,
    "Manufacturer": "GE",
    "ManufacturersModelName": "DISCOVERY MR750",
    "Modality": "MR",
    "ParallelReductionFactorInPlane": 1.72974,
    "PatientPosition": "HFS",
    "PercentPhaseFOV": 100,
    "PercentSampling": 100,
    "PixelBandwidth": 244.141,
    "ProcedureStepDescription": "MRI Brain",
    "ProtocolName": "ADNI3 FMRIF Enhanced Pro",
    "ReconMatrixPE": 256,
    "RepetitionTime": 0.007348,
    "SAR": 0.20693,
    "ScanOptions": "FAST_GEMS\\EDR_GEMS\\FILTERED_GEMS\\ACC_GEMS\\IR_GEMS",
    "ScanningSequence": "GR",
    "SequenceVariant": "SS\\SP\\SK",
    "SeriesDescription": "Accelerated Sagittal IR-FSPGR",
    "SeriesNumber": 3,
    "SliceThickness": 1.2,
    "SoftwareVersions": "27\\LX\\MR Software release:DV26.0_R01_1725.a",
    "SpacingBetweenSlices": 1.2,
    "SpoilingState": true,
    "StationName": "fmrif3tb",
    "acq_id": "FSPGR",
    "dataset": "ds004215",
    "modality": "T1w",
    "rec_id": "SCIC",
    "session_id": "01",
    "subject_id": "ON22662"
  },
  "cjv": 0.34425868267394477,
  "cnr": 3.8755420792116464,
  "efc": 0.5592570445532475,
  "fber": -1.0,
  "fwhm_avg": 3.466890521464967,
  "fwhm_x": 3.1507996795646145,
  "fwhm_y": 3.8258082251401953,
  "fwhm_z": 3.4240636596900917,
  "icvs_csf": 0.2180038789882174,
  "icvs_gm": 0.42572623651112884,
  "icvs_wm": 0.3562698845006538,
  "inu_med": 0.5078117847442627,
  "inu_range": 0.09386436939239495,
  "provenance": {
    "md5sum": "bc75a6e8653f4e45efe5d408ad4fe670",
    "settings": {
      "testing": false
    },
    "software": "mriqc",
    "version": "22.0.6",
    "warnings": {
      "large_rot_frame": true,
      "small_air_mask": false
    },
    "webapi_port": null,
    "webapi_url": "https://mriqc.nimh.nih.gov/api/v1"
  },
  "qi_1": 0.0,
  "qi_2": 0.0010378056563771188,
  "rpve_csf": 32.011922036846286,
  "rpve_gm": 17.09135075678525,
  "rpve_wm": 24.269583857854332,
  "size_x": 196,
  "size_y": 256,
  "size_z": 256,
  "snr_csf": 2.038749536475966,
  "snr_gm": 9.653138300837677,
  "snr_total": 11.973290014648853,
  "snr_wm": 24.227982206632916,
  "snrd_csf": 13.065172296149878,
  "snrd_gm": 39.72290937881936,
  "snrd_total": 37.05501958957253,
  "snrd_wm": 58.37697709374836,
  "spacing_x": 1.1999969482421875,
  "spacing_y": 1.0547000169754028,
  "spacing_z": 1.0547000169754028,
  "summary_bg_k": 8.828613782773752,
  "summary_bg_mad": 0.0,
  "summary_bg_mean": 6.989491080484025,
  "summary_bg_median": 0.0,
  "summary_bg_n": 1275752.0,
  "summary_bg_p05": 0.0,
  "summary_bg_p95": 28.06591995432973,
  "summary_bg_stdv": 11.222982911083992,
  "summary_csf_k": 1.001480244954963,
  "summary_csf_mad": 100.27471299569532,
  "summary_csf_mean": 234.18781774939606,
  "summary_csf_median": 223.81630055978894,
  "summary_csf_n": 20703.0,
  "summary_csf_p05": 73.20144040547312,
  "summary_csf_p95": 435.78719347268327,
  "summary_csf_stdv": 109.77851427200564,
  "summary_gm_k": 0.06204403386891766,
  "summary_gm_mad": 69.95044913985426,
  "summary_gm_mean": 679.5902624462638,
  "summary_gm_median": 680.483534630388,
  "summary_gm_n": 30035.0,
  "summary_gm_p05": 562.0712851658463,
  "summary_gm_p95": 793.9727456767112,
  "summary_gm_stdv": 70.492329556804,
  "summary_wm_k": 0.3097302386509093,
  "summary_wm_mad": 40.06027495066122,
  "summary_wm_mean": 1000.6668342768103,
  "summary_wm_median": 1000.0418482683599,
  "summary_wm_n": 167183.0,
  "summary_wm_p05": 934.0388353206217,
  "summary_wm_p95": 1069.2655405551195,
  "summary_wm_stdv": 41.27619249820338,
  "tpm_overlap_csf": 0.15514137332127692,
  "tpm_overlap_gm": 0.4722610944524932,
  "tpm_overlap_wm": 0.5200023705423001,
  "wm2max": 0.41007478046103185
}