{
  "bids_meta": {
    "AcquisitionMatrixPE": 256,
    "AcquisitionNumber": 1,
    "AcquisitionTime": "14:02:30.000000",
    "BodyPartExamined": "BRAIN",
    "CoilString": "32Ch Head",
    "ConversionSoftware": "dcm2niix",
    "ConversionSoftwareVersion": "v1.0.20211006",
    "Dcm2bidsVersion": "2.1.6",
    "DeviceSerialNumber": "000301496MR3T6MR",
    "EchoTime": 0.003036,
    "FlipAngle": 11,
    "ImageOrientationPatientDICOM": [
      0,
      1,
      0,
      0,
      0,
      -1
    ],
    "ImageType": [
      "ORIGINAL",
      "PRIMARY",
      "OTHER"
    ],
    "ImagingFrequency": 127.697,
    "InPlanePhaseEncodingDirectionDICOM": "ROW",
    "InstitutionName": "NIH FMRIF",
    "InversionTime": 0.4,
    "MRAcquisitionType": "3D",
    "MagneticFieldStrength": 3,
    "Manufacturer": "GE",
    "ManufacturersModelName": "DISCOVERY MR750",
    "Modality": "MR",
    "ParallelReductionFactorInPlane": 1.72974,
    "PatientPosition": "HFS",
    "PercentPhaseFOV": 100,
    "PercentSampling": 100,
    "PixelBandwidth": 244.141,
    "ProcedureStepDescription": "MRI Brain",
    "ProtocolName": "ADNI3 FMRIF Enhanced Pro",
    "ReconMatrixPE": 256,
    "RepetitionTime": 0.007348,
    "SAR": 0.148412,
    "ScanOptions": "FAST_GEMS\\EDR_GEMS\\FILTERED_GEMS\\ACC_GEMS\\IR_GEMS",
    "ScanningSequence": "GR",
    "SequenceVariant": "SS\\SP\\SK",
    "SeriesDescription": "Accelerated Sagittal IR-FSPGR",
    "SeriesNumber": 3,
    "SliceThickness": 1.2,
    "SoftwareVersions": "27\\LX\\MR Software release:DV26.0_R01_1725.a",
    "SpacingBetweenSlices": 1.2,
    "SpoilingState": true,
    "StationName": "fmrif3tb",
    "acq_id": "FSPGR",
    "dataset": "ds004215",
    "modality": "T1w",
    "rec_id": "SCIC",
    "session_id": "01",
    "subject_id": "ON80356"
  },
  "cjv": 0.28855919887169224,
  "cnr": 4.743621796736389,
  "efc": 0.5263357400734818,
  "fber": -1.0,
  "fwhm_avg": 3.5675597641857615,
  "fwhm_x": 3.3626585516829217,
  "fwhm_y": 3.7707309528684205,
  "fwhm_z": 3.569289788005943,
  "icvs_csf": 0.21653119849226812,
  "icvs_gm": 0.4670126773810584,
  "icvs_wm": 0.31645612412667345,
  "inu_med": 0.5191940665245056,
  "inu_range": 0.10868304967880249,
  "provenance": {
    "md5sum": "b3e08eceecedf36c9bc08d92bf5a10a7",
    "settings": {
      "testing": false
    },
    "software": "mriqc",
    "version": "22.0.6",
    "warnings": {
      "large_rot_frame": true,
      "small_air_mask": false
    },
    "webapi_port": null,
    "webapi_url": "https://mriqc.nimh.nih.gov/api/v1"
  },
  "qi_1": 5.408274505471242e-06,
  "qi_2": 0.0034421495573451885,
  "rpve_csf": 40.732767846904586,
  "rpve_gm": 20.388912006657918,
  "rpve_wm": 34.13608619797363,
  "size_x": 196,
  "size_y": 256,
  "size_z": 256,
  "snr_csf": 2.1103148749188954,
  "snr_gm": 9.914411269655032,
  "snr_total": 11.859028311017795,
  "snr_wm": 23.55235878847946,
  "snrd_csf": 18.293037029269314,
  "snrd_gm": 49.68949836198086,
  "snrd_total": 48.793490159452,
  "snrd_wm": 78.39793508710582,
  "spacing_x": 1.1999969482421875,
  "spacing_y": 1.0547000169754028,
  "spacing_z": 1.0547000169754028,
  "summary_bg_k": 20.95876325230355,
  "summary_bg_mad": 0.0,
  "summary_bg_mean": 4.2991101741234345,
  "summary_bg_median": 0.0,
  "summary_bg_n": 1070136.0,
  "summary_bg_p05": 0.0,
  "summary_bg_p95": 19.059449650347233,
  "summary_bg_stdv": 8.356255039467205,
  "summary_csf_k": 0.4170611671271205,
  "summary_csf_mad": 96.92824331704908,
  "summary_csf_mean": 246.45295299272382,
  "summary_csf_median": 233.3274152725935,
  "summary_csf_n": 12353.0,
  "summary_csf_p05": 81.81011442095041,
  "summary_csf_p95": 457.2067383721471,
  "summary_csf_stdv": 110.5607384445367,
  "summary_gm_k": 0.011656319886844457,
  "summary_gm_mad": 65.19766203573496,
  "summary_gm_mean": 632.9433648965557,
  "summary_gm_median": 633.788812674582,
  "summary_gm_n": 27553.0,
  "summary_gm_p05": 526.2111741453409,
  "summary_gm_p95": 734.8145435586571,
  "summary_gm_stdv": 63.92485585534888,
  "summary_wm_k": 0.35603025674636646,
  "summary_wm_mad": 40.465699843002575,
  "summary_wm_mean": 997.8175125274737,
  "summary_wm_median": 999.9644961804152,
  "summary_wm_n": 105153.0,
  "summary_wm_p05": 923.1233258023858,
  "summary_wm_p95": 1063.673457302153,
  "summary_wm_stdv": 42.456882995981445,
  "tpm_overlap_csf": 0.14848589476602844,
  "tpm_overlap_gm": 0.4838706057502596,
  "tpm_overlap_wm": 0.5010651621496421,
  "wm2max": 0.4730318417134775
}