{
  "bids_meta": {
    "AcquisitionMatrixPE": 256,
    "AcquisitionNumber": 1,
    "AcquisitionTime": "15:15:34.000000",
    "BodyPartExamined": "BRAIN",
    "CoilString": "32Ch Head",
    "ConversionSoftware": "dcm2niix",
    "ConversionSoftwareVersion": "v1.0.20211006",
    "Dcm2bidsVersion": "2.1.6",
    "DeviceSerialNumber": "000301496MR3T6MR",
    "EchoTime": 0.066091,
    "EchoTrainLength": 140,
    "FlipAngle": 90,
    "ImageOrientationPatientDICOM": [
      0,
      1,
      0,
      0,
      0,
      -1
    ],
    "ImageType": [
      "ORIGINAL",
      "PRIMARY",
      "OTHER"
    ],
    "ImagingFrequency": 127.697,
    "InPlanePhaseEncodingDirectionDICOM": "ROW",
    "InstitutionName": "NIH FMRIF",
    "MRAcquisitionType": "3D",
    "MagneticFieldStrength": 3,
    "Manufacturer": "GE",
    "ManufacturersModelName": "DISCOVERY MR750",
    "Modality": "MR",
    "ParallelReductionFactorInPlane": 2,
    "ParallelReductionOutOfPlane": 1.5,
    "PatientPosition": "HFS",
    "PercentPhaseFOV": 100,
    "PercentSampling": 100,
    "PhaseEncodingAxis": "i",
    "PixelBandwidth": 244.141,
    "ProcedureStepDescription": "MRI Brain",
    "ProtocolName": "ADNI3 FMRIF Enhanced Pro",
    "ReconMatrixPE": 256,
    "RepetitionTime": 3.202,
    "SAR": 0.4467,
    "ScanOptions": "SAT_GEMS\\EDR_GEMS\\PROMO_GEMS\\ACC_GEMS\\FS\\FR_GEMS",
    "ScanningSequence": "RM",
    "SequenceVariant": "NONE",
    "SeriesDescription": "ORIG Anat T2w CUBE (ABCD)",
    "SeriesNumber": 40004,
    "SliceThickness": 1,
    "SoftwareVersions": "27\\LX\\MR Software release:DV26.0_R01_1725.a",
    "SpacingBetweenSlices": 1,
    "StationName": "fmrif3tb",
    "acq_id": "CUBE",
    "dataset": "ds004215",
    "modality": "T2w",
    "session_id": "01",
    "subject_id": "ON43585"
  },
  "cjv": 0.7425689327753084,
  "cnr": 1.22456392314686,
  "efc": 0.37246480911107016,
  "fber": -1.0,
  "fwhm_avg": 2.362436666666667,
  "fwhm_x": 1.97681,
  "fwhm_y": 2.62786,
  "fwhm_z": 2.48264,
  "icvs_csf": 0.3045813477383506,
  "icvs_gm": 0.2079128403841038,
  "icvs_wm": 0.4875058118775456,
  "inu_med": 0.8811214566230774,
  "inu_range": 0.48835678100585933,
  "provenance": {
    "md5sum": "073f11a678e933262652101d8abc1f91",
    "settings": {
      "testing": false
    },
    "software": "mriqc",
    "version": "22.0.6",
    "warnings": {
      "large_rot_frame": true,
      "small_air_mask": false
    },
    "webapi_port": null,
    "webapi_url": "https://mriqc.nimh.nih.gov/api/v1"
  },
  "qi_1": 8.475770151894115e-05,
  "qi_2": 0.01821537326086718,
  "rpve_csf": 19.488204528483077,
  "rpve_gm": 35.41389366217196,
  "rpve_wm": 14.650400046022995,
  "size_x": 204,
  "size_y": 256,
  "size_z": 256,
  "snr_csf": 11.710135341488707,
  "snr_gm": 2.0441933547672613,
  "snr_total": 8.622015291984889,
  "snr_wm": 12.111717179698697,
  "snrd_csf": 81.8943760559829,
  "snrd_gm": 144.13929152356022,
  "snrd_total": 94.54266177836246,
  "snrd_wm": 57.59431775554421,
  "spacing_x": 1.0,
  "spacing_y": 1.0,
  "spacing_z": 1.0,
  "summary_bg_k": 13.907640808845802,
  "summary_bg_mad": 0.0,
  "summary_bg_mean": 8.060216958480629,
  "summary_bg_median": 0.0,
  "summary_bg_n": 4080078.0,
  "summary_bg_p05": 0.0,
  "summary_bg_p95": 30.268419072031975,
  "summary_bg_stdv": 11.375018365012696,
  "summary_csf_k": 0.35903714292187194,
  "summary_csf_mad": 117.5055672081719,
  "summary_csf_mean": 1424.5405965504028,
  "summary_csf_median": 1421.9176825284958,
  "summary_csf_n": 17133.0,
  "summary_csf_p05": 1228.2886385947465,
  "summary_csf_p95": 1626.296139860153,
  "summary_csf_stdv": 121.42269444365553,
  "summary_gm_k": -1.2304799666727606,
  "summary_gm_mad": 1033.3245776068504,
  "summary_gm_mean": 2026.4983473571608,
  "summary_gm_median": 2502.6652284935117,
  "summary_gm_n": 53546.0,
  "summary_gm_p05": 68.78609281778336,
  "summary_gm_p95": 3592.0903558172286,
  "summary_gm_stdv": 1224.2686599320782,
  "summary_wm_k": 0.06354462354502033,
  "summary_wm_mad": 82.50791228307988,
  "summary_wm_mean": 999.1032636505092,
  "summary_wm_median": 1000.0000338703394,
  "summary_wm_n": 178576.0,
  "summary_wm_p05": 861.8567459881306,
  "summary_wm_p95": 1131.9246528446674,
  "summary_wm_stdv": 82.5644472291814,
  "tpm_overlap_csf": 0.10294052646313465,
  "tpm_overlap_gm": 0.11891275207862022,
  "tpm_overlap_wm": 0.45354978785167205,
  "wm2max": 0.2858982964750277
}