{
  "bids_meta": {
    "AcquisitionMatrixPE": 256,
    "AcquisitionNumber": 1,
    "AcquisitionTime": "15:24:49.000000",
    "BodyPartExamined": "BRAIN",
    "CoilString": "32Ch Head",
    "ConversionSoftware": "dcm2niix",
    "ConversionSoftwareVersion": "v1.0.20211006",
    "Dcm2bidsVersion": "2.1.6",
    "DeviceSerialNumber": "000301496MR3T6MR",
    "EchoTime": 0.066965,
    "EchoTrainLength": 140,
    "FlipAngle": 90,
    "ImageOrientationPatientDICOM": [
      0,
      1,
      0,
      0,
      0,
      -1
    ],
    "ImageType": [
      "ORIGINAL",
      "PRIMARY",
      "OTHER"
    ],
    "ImagingFrequency": 127.696,
    "InPlanePhaseEncodingDirectionDICOM": "ROW",
    "InstitutionName": "NIH FMRIF",
    "MRAcquisitionType": "3D",
    "MagneticFieldStrength": 3,
    "Manufacturer": "GE",
    "ManufacturersModelName": "DISCOVERY MR750",
    "Modality": "MR",
    "ParallelReductionFactorInPlane": 2,
    "ParallelReductionOutOfPlane": 1.5,
    "PatientPosition": "HFS",
    "PercentPhaseFOV": 100,
    "PercentSampling": 100,
    "PhaseEncodingAxis": "i",
    "PixelBandwidth": 244.141,
    "ProcedureStepDescription": "MRI Brain",
    "ProtocolName": "ADNI3 FMRIF Enhanced Pro",
    "ReconMatrixPE": 256,
    "RepetitionTime": 3.202,
    "SAR": 0.4117,
    "ScanOptions": "SAT_GEMS\\EDR_GEMS\\PROMO_GEMS\\ACC_GEMS\\FS\\FR_GEMS",
    "ScanningSequence": "RM",
    "SequenceVariant": "NONE",
    "SeriesDescription": "ORIG Anat T2w CUBE (ABCD)",
    "SeriesNumber": 40004,
    "SliceThickness": 1,
    "SoftwareVersions": "27\\LX\\MR Software release:DV26.0_R03_1831.b",
    "SpacingBetweenSlices": 1,
    "StationName": "FMRI3tb",
    "acq_id": "CUBE",
    "dataset": "ds004215",
    "modality": "T2w",
    "session_id": "01",
    "subject_id": "ON91906"
  },
  "cjv": 0.5668116076474853,
  "cnr": 1.2679290598658026,
  "efc": 0.3877201153487404,
  "fber": 6108.948601239452,
  "fwhm_avg": 2.4125666666666667,
  "fwhm_x": 2.00597,
  "fwhm_y": 2.68505,
  "fwhm_z": 2.54668,
  "icvs_csf": 0.1852230733914831,
  "icvs_gm": 0.6929334785837467,
  "icvs_wm": 0.12184344802477028,
  "inu_med": 0.8802875280380249,
  "inu_range": 0.427494204044342,
  "provenance": {
    "md5sum": "83ef37fa863b5df76249fa4c6e2aa984",
    "settings": {
      "testing": false
    },
    "software": "mriqc",
    "version": "22.0.6",
    "warnings": {
      "large_rot_frame": true,
      "small_air_mask": false
    },
    "webapi_port": null,
    "webapi_url": "https://mriqc.nimh.nih.gov/api/v1"
  },
  "qi_1": 0.0004068016523365252,
  "qi_2": 0.014778032805946278,
  "rpve_csf": 27.605724949708225,
  "rpve_gm": 11.181905973758942,
  "rpve_wm": 57.98305688387386,
  "size_x": 204,
  "size_y": 256,
  "size_z": 256,
  "snr_csf": 6.111890074745267,
  "snr_gm": 10.266408946206376,
  "snr_total": 6.117505334652442,
  "snr_wm": 1.9742169830056837,
  "snrd_csf": 110.04704151594673,
  "snrd_gm": 45.16264168164921,
  "snrd_total": 93.99659287908611,
  "snrd_wm": 126.78009543966235,
  "spacing_x": 1.0,
  "spacing_y": 1.0,
  "spacing_z": 1.0,
  "summary_bg_k": 92.83149861279419,
  "summary_bg_mad": 0.0,
  "summary_bg_mean": 3.5828943960447592,
  "summary_bg_median": 0.0,
  "summary_bg_n": 4225020.0,
  "summary_bg_p05": 0.0,
  "summary_bg_p95": 12.393587362021208,
  "summary_bg_stdv": 5.16762736147554,
  "summary_csf_k": 3.0374786664249607,
  "summary_csf_mad": 127.6164846563705,
  "summary_csf_mean": 833.2973272299175,
  "summary_csf_median": 868.0361872538924,
  "summary_csf_n": 7772.0,
  "summary_csf_p05": 593.0974273011088,
  "summary_csf_p95": 980.0502059469,
  "summary_csf_stdv": 142.01504461503947,
  "summary_gm_k": 0.1767558833695877,
  "summary_gm_mad": 34.12455450518332,
  "summary_gm_mean": 358.12046883309904,
  "summary_gm_median": 356.23681247234344,
  "summary_gm_n": 411115.0,
  "summary_gm_p05": 304.3826250359416,
  "summary_gm_p95": 418.2047492824495,
  "summary_gm_stdv": 34.69921966695336,
  "summary_wm_k": -1.7937167731164225,
  "summary_wm_mad": 330.78164056183493,
  "summary_wm_mean": 672.9972012763959,
  "summary_wm_median": 1000.0242546200752,
  "summary_wm_n": 30071.0,
  "summary_wm_p05": 20.870219031348825,
  "summary_wm_p95": 1241.468799021095,
  "summary_wm_stdv": 506.53379814447374,
  "tpm_overlap_csf": 0.13526182702714312,
  "tpm_overlap_gm": 0.4160458165576922,
  "tpm_overlap_wm": 0.04254775213154694,
  "wm2max": 0.7918419081638532
}