{
  "bids_meta": {
    "AcquisitionMatrixPE": 256,
    "AcquisitionNumber": 1,
    "AcquisitionTime": "15:24:49.000000",
    "BodyPartExamined": "BRAIN",
    "CoilString": "32Ch Head",
    "ConversionSoftware": "dcm2niix",
    "ConversionSoftwareVersion": "v1.0.20211006",
    "Dcm2bidsVersion": "2.1.6",
    "DeviceSerialNumber": "000301496MR3T6MR",
    "EchoTime": 0.066965,
    "EchoTrainLength": 140,
    "FlipAngle": 90,
    "ImageOrientationPatientDICOM": [
      0,
      1,
      0,
      0,
      0,
      -1
    ],
    "ImageType": [
      "ORIGINAL",
      "PRIMARY",
      "OTHER"
    ],
    "ImagingFrequency": 127.696,
    "InPlanePhaseEncodingDirectionDICOM": "ROW",
    "InstitutionName": "NIH FMRIF",
    "MRAcquisitionType": "3D",
    "MagneticFieldStrength": 3,
    "Manufacturer": "GE",
    "ManufacturersModelName": "DISCOVERY MR750",
    "Modality": "MR",
    "ParallelReductionFactorInPlane": 2,
    "ParallelReductionOutOfPlane": 1.5,
    "PatientPosition": "HFS",
    "PercentPhaseFOV": 100,
    "PercentSampling": 100,
    "PhaseEncodingAxis": "i",
    "PixelBandwidth": 244.141,
    "ProcedureStepDescription": "MRI Brain",
    "ProtocolName": "ADNI3 FMRIF Enhanced Pro",
    "ReconMatrixPE": 256,
    "RepetitionTime": 3.202,
    "SAR": 0.4117,
    "ScanOptions": "SAT_GEMS\\EDR_GEMS\\PROMO_GEMS\\FILTERED_GEMS\\ACC_GEMS\\FS\\FR_GEMS",
    "ScanningSequence": "RM",
    "SequenceVariant": "NONE",
    "SeriesDescription": "Anat T2w CUBE (ABCD)",
    "SeriesNumber": 4,
    "SliceThickness": 1,
    "SoftwareVersions": "27\\LX\\MR Software release:DV26.0_R03_1831.b",
    "SpacingBetweenSlices": 1,
    "StationName": "FMRI3tb",
    "acq_id": "CUBE",
    "dataset": "ds004215",
    "modality": "T2w",
    "rec_id": "SCIC",
    "session_id": "01",
    "subject_id": "ON91906"
  },
  "cjv": 0.36597989535442566,
  "cnr": 1.2938360830800217,
  "efc": 0.4264384506544579,
  "fber": 6370.08430197287,
  "fwhm_avg": 2.3179766666666666,
  "fwhm_x": 1.90853,
  "fwhm_y": 2.63211,
  "fwhm_z": 2.41329,
  "icvs_csf": 0.19588578904392948,
  "icvs_gm": 0.7012121001463811,
  "icvs_wm": 0.10290211080968935,
  "inu_med": 0.7355141639709473,
  "inu_range": 0.15560160279273993,
  "provenance": {
    "md5sum": "78e887fd7fc10f9862e69fee24eadf48",
    "settings": {
      "testing": false
    },
    "software": "mriqc",
    "version": "22.0.6",
    "warnings": {
      "large_rot_frame": true,
      "small_air_mask": false
    },
    "webapi_port": null,
    "webapi_url": "https://mriqc.nimh.nih.gov/api/v1"
  },
  "qi_1": 0.0,
  "qi_2": 0.015958496444450385,
  "rpve_csf": 27.32466835428461,
  "rpve_gm": 11.121852277268534,
  "rpve_wm": 68.06720602779392,
  "size_x": 204,
  "size_y": 256,
  "size_z": 256,
  "snr_csf": 5.0068297748177955,
  "snr_gm": 10.308787347136771,
  "snr_total": 5.770342094684399,
  "snr_wm": 1.995409162098632,
  "snrd_csf": 106.32715944044106,
  "snrd_gm": 44.39622351887384,
  "snrd_total": 92.51182407727862,
  "snrd_wm": 126.81208927252095,
  "spacing_x": 1.0,
  "spacing_y": 1.0,
  "spacing_z": 1.0,
  "summary_bg_k": 245.84722104194964,
  "summary_bg_mad": 5.168027796770466,
  "summary_bg_mean": 2.857549629084833,
  "summary_bg_median": 3.485781777650118,
  "summary_bg_n": 3231537.0,
  "summary_bg_p05": 0.0,
  "summary_bg_p95": 8.220480021089315,
  "summary_bg_stdv": 4.37738808555563,
  "summary_csf_k": 1.7177298586493492,
  "summary_csf_mad": 144.15204806392913,
  "summary_csf_mean": 831.4428186590831,
  "summary_csf_median": 838.75925004296,
  "summary_csf_n": 10496.0,
  "summary_csf_p05": 533.422474837862,
  "summary_csf_p95": 1090.1596104158089,
  "summary_csf_stdv": 167.51504058946816,
  "summary_gm_k": 0.11988122752785335,
  "summary_gm_mad": 33.52308939830254,
  "summary_gm_mean": 351.79733454490736,
  "summary_gm_median": 350.21854566037655,
  "summary_gm_n": 424348.0,
  "summary_gm_p05": 299.0316111072898,
  "summary_gm_p95": 410.80031452327967,
  "summary_gm_stdv": 33.972776934090675,
  "summary_wm_k": -1.925501616552877,
  "summary_wm_mad": 204.41346309525534,
  "summary_wm_mean": 615.0309888565564,
  "summary_wm_median": 1000.3541282806545,
  "summary_wm_n": 25416.0,
  "summary_wm_p05": 19.320924131199718,
  "summary_wm_p95": 1123.2232758067548,
  "summary_wm_stdv": 501.3179589800027,
  "tpm_overlap_csf": 0.13823061909796194,
  "tpm_overlap_gm": 0.4163923593878026,
  "tpm_overlap_wm": 0.036628506371618304,
  "wm2max": 0.8834554284303234
}