{
  "aor": 0.0015916243654822335,
  "aqi": 0.002077798182741117,
  "bids_meta": {
    "AcquisitionMatrixPE": 64,
    "AcquisitionNumber": 1,
    "AcquisitionTime": "14:56:48.000000",
    "BodyPartExamined": "BRAIN",
    "CoilString": "32Ch Head",
    "ConversionSoftware": "dcm2niix",
    "ConversionSoftwareVersion": "v1.0.20211006",
    "Dcm2bidsVersion": "2.1.6",
    "DeviceSerialNumber": "000301496MR3T6MR",
    "EchoTime": 0.0169,
    "EffectiveEchoSpacing": 0.000416,
    "FlipAngle": 90,
    "ImageOrientationPatientDICOM": [
      1,
      0,
      0,
      0,
      1,
      0
    ],
    "ImageType": [
      "ORIGINAL",
      "PRIMARY",
      "OTHER"
    ],
    "ImagingFrequency": 127.697,
    "InPlanePhaseEncodingDirectionDICOM": "COL",
    "InstitutionName": "NIH FMRIF",
    "InternalPulseSequenceName": "EPI",
    "MRAcquisitionType": "2D",
    "MagneticFieldStrength": 3,
    "Manufacturer": "GE",
    "ManufacturersModelName": "DISCOVERY MR750",
    "Modality": "MR",
    "PatientPosition": "HFS",
    "PercentPhaseFOV": 100,
    "PercentSampling": 100,
    "PhaseEncodingDirection": "j",
    "PhaseEncodingPolarityGE": "Flipped",
    "PixelBandwidth": 7812.5,
    "ProcedureStepDescription": "MRI Brain",
    "ProtocolName": "ADNI3 FMRIF Enhanced Pro",
    "PulseSequenceName": "epi",
    "ReconMatrixPE": 64,
    "RepetitionTime": 3,
    "SAR": 0.166178,
    "ScanOptions": "MP_GEMS\\EPI_GEMS\\PFF",
    "ScanningSequence": "EP\\GR",
    "SequenceVariant": "SS",
    "SeriesDescription": "Axial rsfMRI with Eyes Open - RKV",
    "SeriesNumber": 11,
    "SliceThickness": 3.4,
    "SliceTiming": [
      0,
      1.5,
      0.0625,
      1.5625,
      0.125,
      1.625,
      0.1875,
      1.6875,
      0.25,
      1.75,
      0.3125,
      1.8125,
      0.375,
      1.875,
      0.4375,
      1.9375,
      0.5,
      2,
      0.5625,
      2.0625,
      0.625,
      2.125,
      0.6875,
      2.1875,
      0.75,
      2.25,
      0.8125,
      2.3125,
      0.875,
      2.375,
      0.9375,
      2.4375,
      1,
      2.5,
      1.0625,
      2.5625,
      1.125,
      2.625,
      1.1875,
      2.6875,
      1.25,
      2.75,
      1.3125,
      2.8125,
      1.375,
      2.875,
      1.4375,
      2.9375
    ],
    "SoftwareVersions": "27\\LX\\MR Software release:DV26.0_R01_1725.a",
    "SpacingBetweenSlices": 3.4,
    "StationName": "fmrif3tb",
    "TaskName": "Resting state with eyes open.",
    "TotalReadoutTime": 0.026208,
    "TriggerDelayTime": 599938,
    "dataset": "ds004215",
    "modality": "bold",
    "session_id": "01",
    "subject_id": "ON40397",
    "task_id": "rest"
  },
  "dummy_trs": 3,
  "dvars_nstd": 9.233833266887755,
  "dvars_std": 1.1709800936734696,
  "dvars_vstd": 0.9698126026530612,
  "efc": 0.45430907171114265,
  "fber": 5184.900390625,
  "fd_mean": 0.050140545626920864,
  "fd_num": 1,
  "fd_perc": 0.5076142131979695,
  "fwhm_avg": 2.58219286222552,
  "fwhm_x": 2.5800843636363635,
  "fwhm_y": 2.436157090909091,
  "fwhm_z": 2.7303371321311043,
  "gcor": 0.0190708,
  "gsr_x": -0.012870296835899353,
  "gsr_y": 0.03887057304382324,
  "provenance": {
    "md5sum": "9e0a309dc9885d71b9dc6213feb627cf",
    "settings": {
      "fd_thres": 0.2,
      "testing": false
    },
    "software": "mriqc",
    "version": "22.0.6",
    "webapi_port": null,
    "webapi_url": "https://mriqc.nimh.nih.gov/api/v1"
  },
  "size_t": 197,
  "size_x": 64,
  "size_y": 64,
  "size_z": 48,
  "snr": 4.504135082837034,
  "spacing_tr": 3.0,
  "spacing_x": 3.4375,
  "spacing_y": 3.4375,
  "spacing_z": 3.3999977111816406,
  "summary_bg_k": 41.65459541924182,
  "summary_bg_mad": 11.431837351878812,
  "summary_bg_mean": 128.6837615966797,
  "summary_bg_median": 35.37055587768555,
  "summary_bg_n": 135289.0,
  "summary_bg_p05": 25.345176696777344,
  "summary_bg_p95": 594.08018798828,
  "summary_bg_stdv": 259.13214111328125,
  "summary_fg_k": 1.3752491354144647,
  "summary_fg_mad": 517.4430147591775,
  "summary_fg_mean": 2562.665283203125,
  "summary_fg_median": 2496.791748046875,
  "summary_fg_n": 26153.0,
  "summary_fg_p05": 1769.7156982421875,
  "summary_fg_p95": 3549.890283203125,
  "summary_fg_stdv": 554.3226318359375,
  "tsnr": 145.25891807628796
}