{
  "bids_meta": {
    "AcquisitionMatrixPE": 256,
    "AcquisitionNumber": 1,
    "AcquisitionTime": "16:01:20.000000",
    "BodyPartExamined": "BRAIN",
    "CoilString": "32Ch Head",
    "ConversionSoftware": "dcm2niix",
    "ConversionSoftwareVersion": "v1.0.20211006",
    "Dcm2bidsVersion": "2.1.6",
    "DeviceSerialNumber": "000301496MR3T6MR",
    "EchoTime": 0.066764,
    "EchoTrainLength": 140,
    "FlipAngle": 90,
    "ImageOrientationPatientDICOM": [
      0,
      1,
      0,
      0,
      0,
      -1
    ],
    "ImageType": [
      "ORIGINAL",
      "PRIMARY",
      "OTHER"
    ],
    "ImagingFrequency": 127.697,
    "InPlanePhaseEncodingDirectionDICOM": "ROW",
    "InstitutionName": "NIH FMRIF",
    "MRAcquisitionType": "3D",
    "MagneticFieldStrength": 3,
    "Manufacturer": "GE",
    "ManufacturersModelName": "DISCOVERY MR750",
    "Modality": "MR",
    "ParallelReductionFactorInPlane": 2,
    "ParallelReductionOutOfPlane": 1.5,
    "PatientPosition": "HFS",
    "PercentPhaseFOV": 100,
    "PercentSampling": 100,
    "PhaseEncodingAxis": "i",
    "PixelBandwidth": 244.141,
    "ProcedureStepDescription": "MRI Brain",
    "ProtocolName": "ADNI3 FMRIF Enhanced Pro",
    "ReconMatrixPE": 256,
    "RepetitionTime": 3.202,
    "SAR": 0.4101,
    "ScanOptions": "SAT_GEMS\\EDR_GEMS\\PROMO_GEMS\\ACC_GEMS\\FS\\FR_GEMS",
    "ScanningSequence": "RM",
    "SequenceVariant": "NONE",
    "SeriesDescription": "ORIG Anat T2w CUBE (ABCD)",
    "SeriesNumber": 40004,
    "SliceThickness": 1,
    "SoftwareVersions": "27\\LX\\MR Software release:DV26.0_R03_1831.b",
    "SpacingBetweenSlices": 1,
    "StationName": "FMRI3tb",
    "acq_id": "CUBE",
    "dataset": "ds004215",
    "modality": "T2w",
    "session_id": "01",
    "subject_id": "ON62003"
  },
  "cjv": 0.24647291285266112,
  "cnr": 4.359940552704577,
  "efc": 0.3811270913910595,
  "fber": 5850.938644897959,
  "fwhm_avg": 2.4474233333333335,
  "fwhm_x": 2.04998,
  "fwhm_y": 2.69597,
  "fwhm_z": 2.59632,
  "icvs_csf": 0.24156683404617696,
  "icvs_gm": 0.7002474273878108,
  "icvs_wm": 0.05818573856601227,
  "inu_med": 0.8470126390457153,
  "inu_range": 0.4845486551523208,
  "provenance": {
    "md5sum": "a86b7c3f914f0eaff48d2e08c9cfec04",
    "settings": {
      "testing": false
    },
    "software": "mriqc",
    "version": "22.0.6",
    "warnings": {
      "large_rot_frame": true,
      "small_air_mask": false
    },
    "webapi_port": null,
    "webapi_url": "https://mriqc.nimh.nih.gov/api/v1"
  },
  "qi_1": 0.006008336056875633,
  "qi_2": 0.009100684460702235,
  "rpve_csf": 25.78394300907731,
  "rpve_gm": 11.88126821187023,
  "rpve_wm": 123.84828449554897,
  "size_x": 204,
  "size_y": 256,
  "size_z": 256,
  "snr_csf": 5.569655448170435,
  "snr_gm": 9.331269202889231,
  "snr_total": 5.246636045586698,
  "snr_wm": 0.8389834857004259,
  "snrd_csf": 81.60653739515749,
  "snrd_gm": 27.542559625529428,
  "snrd_total": 37.649725063504455,
  "snrd_wm": 3.8000781698264494,
  "spacing_x": 1.0,
  "spacing_y": 1.0,
  "spacing_z": 1.0,
  "summary_bg_k": 134.99122832167046,
  "summary_bg_mad": 0.0,
  "summary_bg_mean": 83.5514471951721,
  "summary_bg_median": 0.0,
  "summary_bg_n": 4615182.0,
  "summary_bg_p05": 0.0,
  "summary_bg_p95": 324.73972022533417,
  "summary_bg_stdv": 172.4007734629542,
  "summary_csf_k": 3.630059913832106,
  "summary_csf_mad": 2592.532548321758,
  "summary_csf_mean": 20645.38463478883,
  "summary_csf_median": 21474.963330626488,
  "summary_csf_n": 49733.0,
  "summary_csf_p05": 13237.680039548875,
  "summary_csf_p95": 25483.887571454048,
  "summary_csf_stdv": 3855.668923657105,
  "summary_gm_k": 0.11791357724454699,
  "summary_gm_mad": 763.7202488535033,
  "summary_gm_mean": 7300.081754733435,
  "summary_gm_median": 7247.893083930016,
  "summary_gm_n": 451157.0,
  "summary_gm_p05": 6114.526671051979,
  "summary_gm_p95": 8671.789994597435,
  "summary_gm_stdv": 776.7308919905001,
  "summary_wm_k": 3.4844398593375896,
  "summary_wm_mad": 776.2161528289697,
  "summary_wm_mean": 1406.6391669019652,
  "summary_wm_median": 1000.0000239610672,
  "summary_wm_n": 9517.0,
  "summary_wm_p05": 265.7412061691284,
  "summary_wm_p95": 3907.188988018034,
  "summary_wm_stdv": 1191.8559805506454,
  "tpm_overlap_csf": 0.16400499897396986,
  "tpm_overlap_gm": 0.4148691098460851,
  "tpm_overlap_wm": 0.014621616088110242,
  "wm2max": 0.038374950415311256
}