{
  "bids_meta": {
    "AcquisitionMatrixPE": 256,
    "AcquisitionNumber": 1,
    "AcquisitionTime": "15:54:46.000000",
    "BodyPartExamined": "BRAIN",
    "CoilString": "32Ch Head",
    "ConversionSoftware": "dcm2niix",
    "ConversionSoftwareVersion": "v1.0.20211006",
    "Dcm2bidsVersion": "2.1.6",
    "DeviceSerialNumber": "000301496MR3T6MR",
    "EchoTime": 0.00292,
    "FlipAngle": 8,
    "ImageOrientationPatientDICOM": [
      0,
      1,
      0,
      0,
      0,
      -1
    ],
    "ImageType": [
      "ORIGINAL",
      "PRIMARY",
      "OTHER"
    ],
    "ImagingFrequency": 127.697,
    "InPlanePhaseEncodingDirectionDICOM": "ROW",
    "InstitutionName": "NIH FMRIF",
    "InversionTime": 1.06,
    "MRAcquisitionType": "3D",
    "MagneticFieldStrength": 3,
    "Manufacturer": "GE",
    "ManufacturersModelName": "DISCOVERY MR750",
    "Modality": "MR",
    "ParallelReductionFactorInPlane": 2,
    "ParallelReductionOutOfPlane": 2,
    "PatientPosition": "HFS",
    "PercentPhaseFOV": 100,
    "PercentSampling": 100,
    "PixelBandwidth": 244.141,
    "ProcedureStepDescription": "MRI Brain",
    "ProtocolName": "ADNI3 FMRIF Enhanced Pro",
    "ReconMatrixPE": 256,
    "RepetitionTime": 0.006952,
    "SAR": 0.118766,
    "ScanOptions": "EDR_GEMS\\PROMO_GEMS\\ACC_GEMS\\IR_GEMS",
    "ScanningSequence": "RM",
    "SequenceVariant": "NONE",
    "SeriesDescription": "ORIG Anat T1w MP-RAGE 1mm (ABCD)",
    "SeriesNumber": 40003,
    "SliceThickness": 1,
    "SoftwareVersions": "27\\LX\\MR Software release:DV26.0_R03_1831.b",
    "SpacingBetweenSlices": 1,
    "StationName": "FMRI3tb",
    "acq_id": "MPRAGE",
    "dataset": "ds004215",
    "modality": "T1w",
    "session_id": "01",
    "subject_id": "ON62003"
  },
  "cjv": 0.4536165433508326,
  "cnr": 2.9374581334901797,
  "efc": 0.4440476052652922,
  "fber": 4381.288771266541,
  "fwhm_avg": 3.697623333333333,
  "fwhm_x": 3.66683,
  "fwhm_y": 3.78151,
  "fwhm_z": 3.64453,
  "icvs_csf": 0.25678739335968703,
  "icvs_gm": 0.38323409673102427,
  "icvs_wm": 0.35997850990928865,
  "inu_med": 0.9563201665878296,
  "inu_range": 0.6916666150093081,
  "provenance": {
    "md5sum": "3611e51ba42524c4b84d53c667b6e155",
    "settings": {
      "testing": false
    },
    "software": "mriqc",
    "version": "22.0.6",
    "warnings": {
      "large_rot_frame": true,
      "small_air_mask": false
    },
    "webapi_port": null,
    "webapi_url": "https://mriqc.nimh.nih.gov/api/v1"
  },
  "qi_1": 4.9334481741269305e-05,
  "qi_2": 0.0011806742549995862,
  "rpve_csf": 26.845328834154156,
  "rpve_gm": 17.021649697893583,
  "rpve_wm": 21.646512934536418,
  "size_x": 208,
  "size_y": 256,
  "size_z": 256,
  "snr_csf": 1.4103966399653367,
  "snr_gm": 7.265148835928651,
  "snr_total": 7.90334467332571,
  "snr_wm": 15.034488544083143,
  "snrd_csf": 5.373537925480436,
  "snrd_gm": 28.7385970228071,
  "snrd_total": 25.779874204288447,
  "snrd_wm": 43.22748766457781,
  "spacing_x": 1.0,
  "spacing_y": 1.0,
  "spacing_z": 1.0,
  "summary_bg_k": 3.8845396124024,
  "summary_bg_mad": 15.15626168974517,
  "summary_bg_mean": 15.345086060183737,
  "summary_bg_median": 10.222743161022663,
  "summary_bg_n": 4855307.0,
  "summary_bg_p05": 0.0,
  "summary_bg_p95": 42.719812016934156,
  "summary_bg_stdv": 14.91757226303325,
  "summary_csf_k": 3.9127491194027657,
  "summary_csf_mad": 62.502198436150955,
  "summary_csf_mean": 144.15076965896014,
  "summary_csf_median": 124.31418403610587,
  "summary_csf_n": 48840.0,
  "summary_csf_p05": 44.36107812076807,
  "summary_csf_p95": 331.49120432306063,
  "summary_csf_stdv": 88.14039103561308,
  "summary_gm_k": 0.11060379050053104,
  "summary_gm_mad": 87.8089840098539,
  "summary_gm_mean": 664.101932607833,
  "summary_gm_median": 664.8534520044923,
  "summary_gm_n": 17437.0,
  "summary_gm_p05": 513.1910853467882,
  "summary_gm_p95": 817.3974130265415,
  "summary_gm_stdv": 91.51008496872099,
  "summary_wm_k": 0.4689737271676879,
  "summary_wm_mad": 64.24030184093824,
  "summary_wm_mean": 1002.4902756663697,
  "summary_wm_median": 1000.0468837246299,
  "summary_wm_n": 193357.0,
  "summary_wm_p05": 897.7256654798985,
  "summary_wm_p95": 1114.6541510894895,
  "summary_wm_stdv": 66.51668227871124,
  "tpm_overlap_csf": 0.1596863636373865,
  "tpm_overlap_gm": 0.4224696993331059,
  "tpm_overlap_wm": 0.4980260965968471,
  "wm2max": 0.40737344794651387
}