{
  "bids_meta": {
    "AcquisitionMatrixPE": 256,
    "AcquisitionNumber": 1,
    "AcquisitionTime": "16:01:20.000000",
    "BodyPartExamined": "BRAIN",
    "CoilString": "32Ch Head",
    "ConversionSoftware": "dcm2niix",
    "ConversionSoftwareVersion": "v1.0.20211006",
    "Dcm2bidsVersion": "2.1.6",
    "DeviceSerialNumber": "000301496MR3T6MR",
    "EchoTime": 0.066764,
    "EchoTrainLength": 140,
    "FlipAngle": 90,
    "ImageOrientationPatientDICOM": [
      0,
      1,
      0,
      0,
      0,
      -1
    ],
    "ImageType": [
      "ORIGINAL",
      "PRIMARY",
      "OTHER"
    ],
    "ImagingFrequency": 127.697,
    "InPlanePhaseEncodingDirectionDICOM": "ROW",
    "InstitutionName": "NIH FMRIF",
    "MRAcquisitionType": "3D",
    "MagneticFieldStrength": 3,
    "Manufacturer": "GE",
    "ManufacturersModelName": "DISCOVERY MR750",
    "Modality": "MR",
    "ParallelReductionFactorInPlane": 2,
    "ParallelReductionOutOfPlane": 1.5,
    "PatientPosition": "HFS",
    "PercentPhaseFOV": 100,
    "PercentSampling": 100,
    "PhaseEncodingAxis": "i",
    "PixelBandwidth": 244.141,
    "ProcedureStepDescription": "MRI Brain",
    "ProtocolName": "ADNI3 FMRIF Enhanced Pro",
    "ReconMatrixPE": 256,
    "RepetitionTime": 3.202,
    "SAR": 0.4101,
    "ScanOptions": "SAT_GEMS\\EDR_GEMS\\PROMO_GEMS\\FILTERED_GEMS\\ACC_GEMS\\FS\\FR_GEMS",
    "ScanningSequence": "RM",
    "SequenceVariant": "NONE",
    "SeriesDescription": "Anat T2w CUBE (ABCD)",
    "SeriesNumber": 4,
    "SliceThickness": 1,
    "SoftwareVersions": "27\\LX\\MR Software release:DV26.0_R03_1831.b",
    "SpacingBetweenSlices": 1,
    "StationName": "FMRI3tb",
    "acq_id": "CUBE",
    "dataset": "ds004215",
    "modality": "T2w",
    "rec_id": "SCIC",
    "session_id": "01",
    "subject_id": "ON62003"
  },
  "cjv": 0.2390594119151898,
  "cnr": 4.415800994492329,
  "efc": 0.4301753866356018,
  "fber": 2634.308304882139,
  "fwhm_avg": 2.339173333333333,
  "fwhm_x": 1.94072,
  "fwhm_y": 2.63905,
  "fwhm_z": 2.43775,
  "icvs_csf": 0.23746734630577884,
  "icvs_gm": 0.7017840681531782,
  "icvs_wm": 0.060748585541042996,
  "inu_med": 0.6670933067798615,
  "inu_range": 0.11598513126373278,
  "provenance": {
    "md5sum": "fb3e5d43c4337851196790aac789d633",
    "settings": {
      "testing": false
    },
    "software": "mriqc",
    "version": "22.0.6",
    "warnings": {
      "large_rot_frame": true,
      "small_air_mask": false
    },
    "webapi_port": null,
    "webapi_url": "https://mriqc.nimh.nih.gov/api/v1"
  },
  "qi_1": 1.4841873749456184e-05,
  "qi_2": 0.004546955325939705,
  "rpve_csf": 26.692067306245825,
  "rpve_gm": 11.857200812444162,
  "rpve_wm": 118.84912611682626,
  "size_x": 204,
  "size_y": 256,
  "size_z": 256,
  "snr_csf": 6.275695295075522,
  "snr_gm": 9.436335319514711,
  "snr_total": 5.502235660135779,
  "snr_wm": 0.7946763658171038,
  "snrd_csf": 127.6976588021566,
  "snrd_gm": 42.35823728302858,
  "snrd_total": 58.528273244804204,
  "snrd_wm": 5.528923649227434,
  "spacing_x": 1.0,
  "spacing_y": 1.0,
  "spacing_z": 1.0,
  "summary_bg_k": 148.16511270993897,
  "summary_bg_mad": 118.40025750190239,
  "summary_bg_mean": 101.27612859838908,
  "summary_bg_median": 79.8597601056099,
  "summary_bg_n": 2991043.0,
  "summary_bg_p05": 0.0,
  "summary_bg_p95": 255.55123233795166,
  "summary_bg_stdv": 181.64770791494047,
  "summary_csf_k": 5.5292341245464485,
  "summary_csf_mad": 1749.4359998695725,
  "summary_csf_mean": 21663.150610400055,
  "summary_csf_median": 23078.30199110508,
  "summary_csf_n": 50571.0,
  "summary_csf_p05": 14083.755644381046,
  "summary_csf_p95": 24718.34877181053,
  "summary_csf_stdv": 3677.3732196415485,
  "summary_gm_k": 0.1253593093165004,
  "summary_gm_mad": 798.1910042323371,
  "summary_gm_mean": 7700.782869707222,
  "summary_gm_median": 7655.239735782146,
  "summary_gm_n": 458395.0,
  "summary_gm_p05": 6466.303209722042,
  "summary_gm_p95": 9128.944479584694,
  "summary_gm_stdv": 811.2504618078922,
  "summary_wm_k": 3.982368558732997,
  "summary_wm_mad": 792.9929441468877,
  "summary_wm_mean": 1454.5010258599755,
  "summary_wm_median": 999.2209008336067,
  "summary_wm_n": 10377.0,
  "summary_wm_p05": 263.26451648473744,
  "summary_wm_p95": 4121.153181254862,
  "summary_wm_stdv": 1257.332917788827,
  "tpm_overlap_csf": 0.16433376818259035,
  "tpm_overlap_gm": 0.41360299489580304,
  "tpm_overlap_wm": 0.015455317661613273,
  "wm2max": 0.04045422285308729
}