{
  "bids_meta": {
    "AcquisitionMatrixPE": 256,
    "AcquisitionNumber": 1,
    "AcquisitionTime": "15:54:46.000000",
    "BodyPartExamined": "BRAIN",
    "CoilString": "32Ch Head",
    "ConversionSoftware": "dcm2niix",
    "ConversionSoftwareVersion": "v1.0.20211006",
    "Dcm2bidsVersion": "2.1.6",
    "DeviceSerialNumber": "000301496MR3T6MR",
    "EchoTime": 0.00292,
    "FlipAngle": 8,
    "ImageOrientationPatientDICOM": [
      0,
      1,
      0,
      0,
      0,
      -1
    ],
    "ImageType": [
      "ORIGINAL",
      "PRIMARY",
      "OTHER"
    ],
    "ImagingFrequency": 127.697,
    "InPlanePhaseEncodingDirectionDICOM": "ROW",
    "InstitutionName": "NIH FMRIF",
    "InversionTime": 1.06,
    "MRAcquisitionType": "3D",
    "MagneticFieldStrength": 3,
    "Manufacturer": "GE",
    "ManufacturersModelName": "DISCOVERY MR750",
    "Modality": "MR",
    "ParallelReductionFactorInPlane": 2,
    "ParallelReductionOutOfPlane": 2,
    "PatientPosition": "HFS",
    "PercentPhaseFOV": 100,
    "PercentSampling": 100,
    "PixelBandwidth": 244.141,
    "ProcedureStepDescription": "MRI Brain",
    "ProtocolName": "ADNI3 FMRIF Enhanced Pro",
    "ReconMatrixPE": 256,
    "RepetitionTime": 0.006952,
    "SAR": 0.118766,
    "ScanOptions": "EDR_GEMS\\PROMO_GEMS\\FILTERED_GEMS\\ACC_GEMS\\IR_GEMS",
    "ScanningSequence": "RM",
    "SequenceVariant": "NONE",
    "SeriesDescription": "Anat T1w MP-RAGE 1mm (ABCD)",
    "SeriesNumber": 3,
    "SliceThickness": 1,
    "SoftwareVersions": "27\\LX\\MR Software release:DV26.0_R03_1831.b",
    "SpacingBetweenSlices": 1,
    "StationName": "FMRI3tb",
    "acq_id": "MPRAGE",
    "dataset": "ds004215",
    "modality": "T1w",
    "rec_id": "SCIC",
    "session_id": "01",
    "subject_id": "ON62003"
  },
  "cjv": 0.4417248788665016,
  "cnr": 3.0284394136151986,
  "efc": 0.6967343242995365,
  "fber": 17496.205798919047,
  "fwhm_avg": 3.3436466666666664,
  "fwhm_x": 3.28856,
  "fwhm_y": 3.48557,
  "fwhm_z": 3.25681,
  "icvs_csf": 0.26528445960823677,
  "icvs_gm": 0.38185973977124454,
  "icvs_wm": 0.3528558006205187,
  "inu_med": 0.649151086807251,
  "inu_range": 0.11109457015991209,
  "provenance": {
    "md5sum": "736c707945b576af15c470503e070bc4",
    "settings": {
      "testing": false
    },
    "software": "mriqc",
    "version": "22.0.6",
    "warnings": {
      "large_rot_frame": true,
      "small_air_mask": false
    },
    "webapi_port": null,
    "webapi_url": "https://mriqc.nimh.nih.gov/api/v1"
  },
  "qi_1": 0.0,
  "qi_2": 0.0022166524832959696,
  "rpve_csf": 26.02232567068196,
  "rpve_gm": 17.073464625026418,
  "rpve_wm": 22.07914809666277,
  "size_x": 208,
  "size_y": 256,
  "size_z": 256,
  "snr_csf": 2.0719254179482163,
  "snr_gm": 7.901431432930875,
  "snr_total": 9.098416129508765,
  "snr_wm": 17.321891537647208,
  "snrd_csf": 9.509201627390665,
  "snrd_gm": 36.968303687696526,
  "snrd_total": 33.53289087293243,
  "snrd_wm": 54.121167303710095,
  "spacing_x": 1.0,
  "spacing_y": 1.0,
  "spacing_z": 1.0,
  "summary_bg_k": 6.257162145351002,
  "summary_bg_mad": 0.0,
  "summary_bg_mean": 6.736055742805386,
  "summary_bg_median": 0.0,
  "summary_bg_n": 770326.0,
  "summary_bg_p05": 0.0,
  "summary_bg_p95": 34.7039956972003,
  "summary_bg_stdv": 12.105347043578627,
  "summary_csf_k": 2.731087882384334,
  "summary_csf_mad": 64.2504205238265,
  "summary_csf_mean": 193.85153341553058,
  "summary_csf_median": 175.70720510557294,
  "summary_csf_n": 54381.0,
  "summary_csf_p05": 92.91338679939508,
  "summary_csf_p95": 371.5660581327975,
  "summary_csf_stdv": 84.80304747261128,
  "summary_gm_k": 0.057018695066473946,
  "summary_gm_mad": 84.52864880489962,
  "summary_gm_mean": 681.8878577585937,
  "summary_gm_median": 683.0854548029602,
  "summary_gm_n": 17286.0,
  "summary_gm_p05": 538.5608105370775,
  "summary_gm_p95": 825.1312422333285,
  "summary_gm_stdv": 86.44834824824015,
  "summary_wm_k": 0.3770947507626463,
  "summary_wm_mad": 55.47327693948144,
  "summary_wm_mean": 1000.9963495009346,
  "summary_wm_median": 1000.02917348966,
  "summary_wm_n": 191907.0,
  "summary_wm_p05": 907.7865361869335,
  "summary_wm_p95": 1097.112872377038,
  "summary_wm_stdv": 57.73194952803731,
  "tpm_overlap_csf": 0.16006109173824665,
  "tpm_overlap_gm": 0.4264796478852098,
  "tpm_overlap_wm": 0.4987634119681978,
  "wm2max": 0.5737543084696984
}