{
  "aor": 0.002218492462311558,
  "aqi": 0.0018865878190954773,
  "bids_meta": {
    "AcquisitionMatrixPE": 64,
    "AcquisitionNumber": 1,
    "AcquisitionTime": "15:05:46.000000",
    "BodyPartExamined": "BRAIN",
    "CoilString": "32Ch Head",
    "ConversionSoftware": "dcm2niix",
    "ConversionSoftwareVersion": "v1.0.20211006",
    "Dcm2bidsVersion": "2.1.6",
    "DeviceSerialNumber": "000301496MR3T6MR",
    "EchoTime": 0.0169,
    "EffectiveEchoSpacing": 0.000416,
    "FlipAngle": 90,
    "ImageOrientationPatientDICOM": [
      1,
      0,
      0,
      0,
      1,
      0
    ],
    "ImageType": [
      "ORIGINAL",
      "PRIMARY",
      "OTHER"
    ],
    "ImagingFrequency": 127.697,
    "InPlanePhaseEncodingDirectionDICOM": "COL",
    "InstitutionName": "NIH FMRIF",
    "InternalPulseSequenceName": "EPI",
    "MRAcquisitionType": "2D",
    "MagneticFieldStrength": 3,
    "Manufacturer": "GE",
    "ManufacturersModelName": "DISCOVERY MR750",
    "Modality": "MR",
    "PatientPosition": "HFS",
    "PercentPhaseFOV": 100,
    "PercentSampling": 100,
    "PhaseEncodingDirection": "j",
    "PhaseEncodingPolarityGE": "Flipped",
    "PixelBandwidth": 7812.5,
    "ProcedureStepDescription": "MRI Brain",
    "ProtocolName": "ADNI3 FMRIF Enhanced Pro",
    "PulseSequenceName": "epi",
    "ReconMatrixPE": 64,
    "RepetitionTime": 3,
    "SAR": 0.206436,
    "ScanOptions": "MP_GEMS\\EPI_GEMS\\PFF",
    "ScanningSequence": "EP\\GR",
    "SequenceVariant": "SS",
    "SeriesDescription": "Axial rsfMRI with Eyes Open - RKV",
    "SeriesNumber": 10,
    "SliceThickness": 3.4,
    "SliceTiming": [
      0,
      1.5,
      0.0625,
      1.5625,
      0.125,
      1.625,
      0.1875,
      1.6875,
      0.25,
      1.75,
      0.3125,
      1.8125,
      0.375,
      1.875,
      0.4375,
      1.9375,
      0.5,
      2,
      0.5625,
      2.0625,
      0.625,
      2.125,
      0.6875,
      2.1875,
      0.75,
      2.25,
      0.8125,
      2.3125,
      0.875,
      2.375,
      0.9375,
      2.4375,
      1,
      2.5,
      1.0625,
      2.5625,
      1.125,
      2.625,
      1.1875,
      2.6875,
      1.25,
      2.75,
      1.3125,
      2.8125,
      1.375,
      2.875,
      1.4375,
      2.9375
    ],
    "SoftwareVersions": "27\\LX\\MR Software release:DV26.0_R03_1831.b",
    "SpacingBetweenSlices": 3.4,
    "StationName": "FMRI3tb",
    "TaskName": "Resting state with eyes open.",
    "TotalReadoutTime": 0.026208,
    "TriggerDelayTime": 599938,
    "dataset": "ds004215",
    "modality": "bold",
    "session_id": "01",
    "subject_id": "ON25939",
    "task_id": "rest"
  },
  "dummy_trs": 1,
  "dvars_nstd": 12.521219769191923,
  "dvars_std": 1.2195499629292934,
  "dvars_vstd": 0.9773112122727272,
  "efc": 0.5249363807408204,
  "fber": 2311.7412109375,
  "fd_mean": 0.07653821371203307,
  "fd_num": 0,
  "fd_perc": 0.0,
  "fwhm_avg": 2.5144947696471274,
  "fwhm_x": 2.2978269090909094,
  "fwhm_y": 2.454682181818182,
  "fwhm_z": 2.79097521803229,
  "gcor": 0.0183751,
  "gsr_x": 0.04955408349633217,
  "gsr_y": 0.036543406546115875,
  "provenance": {
    "md5sum": "edf616902aa1f525a8a2c7eb0f8d969f",
    "settings": {
      "fd_thres": 0.2,
      "testing": false
    },
    "software": "mriqc",
    "version": "22.0.6",
    "webapi_port": null,
    "webapi_url": "https://mriqc.nimh.nih.gov/api/v1"
  },
  "size_t": 199,
  "size_x": 64,
  "size_y": 64,
  "size_z": 48,
  "snr": 4.18065408251093,
  "spacing_tr": 3.0,
  "spacing_x": 3.4375,
  "spacing_y": 3.4375,
  "spacing_z": 3.4000015258789062,
  "summary_bg_k": 18.6208809827311,
  "summary_bg_mad": 37.746754202661734,
  "summary_bg_mean": 224.3848114013672,
  "summary_bg_median": 54.98743438720703,
  "summary_bg_n": 124842.0,
  "summary_bg_p05": 20.80427122116089,
  "summary_bg_p95": 1129.8138122558591,
  "summary_bg_stdv": 414.3968811035156,
  "summary_fg_k": 0.4510233744129786,
  "summary_fg_mad": 584.9424985507429,
  "summary_fg_mean": 2663.555908203125,
  "summary_fg_median": 2608.25634765625,
  "summary_fg_n": 30786.0,
  "summary_fg_p05": 1721.3177795410156,
  "summary_fg_p95": 3762.1607055664062,
  "summary_fg_stdv": 623.8770141601562,
  "tsnr": 118.75679324613884
}