{
  "aor": 0.030546666666666666,
  "aqi": 0.0006081725555555555,
  "bids_meta": {
    "AcquisitionMatrixPE": 64,
    "AcquisitionNumber": 1,
    "AcquisitionTime": "15:16:28.000000",
    "BodyPartExamined": "BRAIN",
    "CoilString": "32Ch Head",
    "ConversionSoftware": "dcm2niix",
    "ConversionSoftwareVersion": "v1.0.20211006",
    "Dcm2bidsVersion": "2.1.6",
    "DeviceSerialNumber": "000301496MR3T6MR",
    "EchoTime": 0.0169,
    "EffectiveEchoSpacing": 0.000416,
    "FlipAngle": 90,
    "ImageOrientationPatientDICOM": [
      1,
      0,
      0,
      0,
      1,
      0
    ],
    "ImageType": [
      "ORIGINAL",
      "PRIMARY",
      "OTHER"
    ],
    "ImagingFrequency": 127.697,
    "InPlanePhaseEncodingDirectionDICOM": "COL",
    "InstitutionName": "NIH FMRIF",
    "InternalPulseSequenceName": "EPI",
    "MRAcquisitionType": "2D",
    "MagneticFieldStrength": 3,
    "Manufacturer": "GE",
    "ManufacturersModelName": "DISCOVERY MR750",
    "Modality": "MR",
    "PatientPosition": "HFS",
    "PercentPhaseFOV": 100,
    "PercentSampling": 100,
    "PhaseEncodingDirection": "j-",
    "PhaseEncodingPolarityGE": "Unflipped",
    "PixelBandwidth": 7812.5,
    "ProcedureStepDescription": "MRI Brain",
    "ProtocolName": "ADNI3 FMRIF Enhanced Pro",
    "PulseSequenceName": "epi",
    "ReconMatrixPE": 64,
    "RepetitionTime": 3,
    "SAR": 0.206564,
    "ScanOptions": "MP_GEMS\\EPI_GEMS\\PFF",
    "ScanningSequence": "EP\\GR",
    "SequenceVariant": "SS",
    "SeriesDescription": "Axial rsfMRI reverse blip - RKV",
    "SeriesNumber": 11,
    "SliceThickness": 3.4,
    "SliceTiming": [
      0,
      1.5,
      0.0625,
      1.5625,
      0.125,
      1.625,
      0.1875,
      1.6875,
      0.25,
      1.75,
      0.3125,
      1.8125,
      0.375,
      1.875,
      0.4375,
      1.9375,
      0.5,
      2,
      0.5625,
      2.0625,
      0.625,
      2.125,
      0.6875,
      2.1875,
      0.75,
      2.25,
      0.8125,
      2.3125,
      0.875,
      2.375,
      0.9375,
      2.4375,
      1,
      2.5,
      1.0625,
      2.5625,
      1.125,
      2.625,
      1.1875,
      2.6875,
      1.25,
      2.75,
      1.3125,
      2.8125,
      1.375,
      2.875,
      1.4375,
      2.9375
    ],
    "SoftwareVersions": "27\\LX\\MR Software release:DV26.0_R03_1831.b",
    "SpacingBetweenSlices": 3.4,
    "StationName": "FMRI3tb",
    "TaskName": "Resting state with reverse blip.",
    "TotalReadoutTime": 0.026208,
    "TriggerDelayTime": 29938,
    "dataset": "ds004215",
    "modality": "bold",
    "session_id": "01",
    "subject_id": "ON25939",
    "task_id": "rest"
  },
  "dummy_trs": 1,
  "dvars_nstd": 15.36010921125,
  "dvars_std": 1.42661269125,
  "dvars_vstd": 1.32143826625,
  "efc": 0.5458821606247322,
  "fber": 2131.4921875,
  "fd_mean": 0.057231525665016186,
  "fd_num": 0,
  "fd_perc": 0.0,
  "fwhm_avg": 2.6409002748307953,
  "fwhm_x": 2.317620363636364,
  "fwhm_y": 2.6283170909090914,
  "fwhm_z": 2.976763369946931,
  "gcor": 0.0182292,
  "gsr_x": 0.03936387971043587,
  "gsr_y": 0.049269434064626694,
  "provenance": {
    "md5sum": "5b8bad2ddcc8f7d1c2f5a17b3d455009",
    "settings": {
      "fd_thres": 0.2,
      "testing": false
    },
    "software": "mriqc",
    "version": "22.0.6",
    "webapi_port": null,
    "webapi_url": "https://mriqc.nimh.nih.gov/api/v1"
  },
  "size_t": 9,
  "size_x": 64,
  "size_y": 64,
  "size_z": 48,
  "snr": 4.187013303386522,
  "spacing_tr": 3.0,
  "spacing_x": 3.4375,
  "spacing_y": 3.4375,
  "spacing_z": 3.4000015258789062,
  "summary_bg_k": 9.805233242630631,
  "summary_bg_mad": 36.24138787767464,
  "summary_bg_mean": 238.8373260498047,
  "summary_bg_median": 54.77777862548828,
  "summary_bg_n": 121627.0,
  "summary_bg_p05": 23.81111183166506,
  "summary_bg_p95": 1169.0777587890623,
  "summary_bg_stdv": 415.7250671386719,
  "summary_fg_k": 0.5088105649546626,
  "summary_fg_mad": 539.5021522109321,
  "summary_fg_mean": 2547.82177734375,
  "summary_fg_median": 2480.333251953125,
  "summary_fg_n": 33577.0,
  "summary_fg_p05": 1650.4444580078125,
  "summary_fg_p95": 3631.9111328124995,
  "summary_fg_stdv": 592.37841796875,
  "tsnr": 202.6008928846568
}