{
  "aor": 0.03188111111111111,
  "aqi": 0.0013564893333333332,
  "bids_meta": {
    "AcquisitionMatrixPE": 64,
    "AcquisitionNumber": 1,
    "AcquisitionTime": "16:17:14.000000",
    "BodyPartExamined": "BRAIN",
    "CoilString": "32Ch Head",
    "ConversionSoftware": "dcm2niix",
    "ConversionSoftwareVersion": "v1.0.20211006",
    "Dcm2bidsVersion": "2.1.6",
    "DeviceSerialNumber": "000301496MR3T6MR",
    "EchoTime": 0.0169,
    "EffectiveEchoSpacing": 0.000416,
    "FlipAngle": 90,
    "ImageOrientationPatientDICOM": [
      1,
      0,
      0,
      0,
      1,
      0
    ],
    "ImageType": [
      "ORIGINAL",
      "PRIMARY",
      "OTHER"
    ],
    "ImagingFrequency": 127.696,
    "InPlanePhaseEncodingDirectionDICOM": "COL",
    "InstitutionName": "NIH FMRIF",
    "InternalPulseSequenceName": "EPI",
    "MRAcquisitionType": "2D",
    "MagneticFieldStrength": 3,
    "Manufacturer": "GE",
    "ManufacturersModelName": "DISCOVERY MR750",
    "Modality": "MR",
    "PatientPosition": "HFS",
    "PercentPhaseFOV": 100,
    "PercentSampling": 100,
    "PhaseEncodingDirection": "j",
    "PhaseEncodingPolarityGE": "Flipped",
    "PixelBandwidth": 7812.5,
    "ProcedureStepDescription": "MRI Brain",
    "ProtocolName": "ADNI3 FMRIF Enhanced Pro",
    "PulseSequenceName": "epi",
    "ReconMatrixPE": 64,
    "RepetitionTime": 3,
    "SAR": 0.164489,
    "ScanOptions": "MP_GEMS\\EPI_GEMS\\PFF",
    "ScanningSequence": "EP\\GR",
    "SequenceVariant": "SS",
    "SeriesDescription": "Axial rsfMRI reverse blip - RKV",
    "SeriesNumber": 11,
    "SliceThickness": 3.4,
    "SliceTiming": [
      0,
      1.5,
      0.0625,
      1.5625,
      0.125,
      1.625,
      0.1875,
      1.6875,
      0.25,
      1.75,
      0.3125,
      1.8125,
      0.375,
      1.875,
      0.4375,
      1.9375,
      0.5,
      2,
      0.5625,
      2.0625,
      0.625,
      2.125,
      0.6875,
      2.1875,
      0.75,
      2.25,
      0.8125,
      2.3125,
      0.875,
      2.375,
      0.9375,
      2.4375,
      1,
      2.5,
      1.0625,
      2.5625,
      1.125,
      2.625,
      1.1875,
      2.6875,
      1.25,
      2.75,
      1.3125,
      2.8125,
      1.375,
      2.875,
      1.4375,
      2.9375
    ],
    "SoftwareVersions": "27\\LX\\MR Software release:DV26.0_R03_1831.b",
    "SpacingBetweenSlices": 3.4,
    "StationName": "FMRI3tb",
    "TaskName": "Resting state with reverse blip.",
    "TotalReadoutTime": 0.026208,
    "TriggerDelayTime": 29938,
    "dataset": "ds004215",
    "modality": "bold",
    "session_id": "01",
    "subject_id": "ON52662",
    "task_id": "rest"
  },
  "dummy_trs": 1,
  "dvars_nstd": 15.4348026525,
  "dvars_std": 1.32980373625,
  "dvars_vstd": 1.31248352,
  "efc": 0.4787843017394834,
  "fber": 5073.3251953125,
  "fd_mean": 0.23791344668680042,
  "fd_num": 4,
  "fd_perc": 44.44444444444444,
  "fwhm_avg": 2.666626995649819,
  "fwhm_x": 2.5126167272727273,
  "fwhm_y": 2.538853818181818,
  "fwhm_z": 2.9484104414949117,
  "gcor": 0.10583,
  "gsr_x": -0.010197595693171024,
  "gsr_y": 0.0514037162065506,
  "provenance": {
    "md5sum": "f7a15808b7242a680d88cf9ede271bb5",
    "settings": {
      "fd_thres": 0.2,
      "testing": false
    },
    "software": "mriqc",
    "version": "22.0.6",
    "webapi_port": null,
    "webapi_url": "https://mriqc.nimh.nih.gov/api/v1"
  },
  "size_t": 9,
  "size_x": 64,
  "size_y": 64,
  "size_z": 48,
  "snr": 4.055608751532955,
  "spacing_tr": 3.0,
  "spacing_x": 3.4375,
  "spacing_y": 3.4375,
  "spacing_z": 3.4000015258789062,
  "summary_bg_k": 44.244635119134884,
  "summary_bg_mad": 11.201883114504625,
  "summary_bg_mean": 144.10316467285156,
  "summary_bg_median": 35.22222137451172,
  "summary_bg_n": 130184.0,
  "summary_bg_p05": 24.0,
  "summary_bg_p95": 766.1111450195312,
  "summary_bg_stdv": 291.8750915527344,
  "summary_fg_k": 1.4657883916701362,
  "summary_fg_mad": 541.1498097545447,
  "summary_fg_mean": 2559.57958984375,
  "summary_fg_median": 2488.0,
  "summary_fg_n": 29475.0,
  "summary_fg_p05": 1681.4888916015625,
  "summary_fg_p95": 3651.7000732421875,
  "summary_fg_stdv": 613.4609985351562,
  "tsnr": 148.1067352294922
}