{
  "aor": 0.003747386934673368,
  "aqi": 0.0038067713065326634,
  "bids_meta": {
    "AcquisitionMatrixPE": 64,
    "AcquisitionNumber": 1,
    "AcquisitionTime": "16:06:0.000000",
    "BodyPartExamined": "BRAIN",
    "CoilString": "32Ch Head",
    "ConversionSoftware": "dcm2niix",
    "ConversionSoftwareVersion": "v1.0.20211006",
    "Dcm2bidsVersion": "2.1.6",
    "DeviceSerialNumber": "000301496MR3T6MR",
    "EchoTime": 0.0169,
    "EffectiveEchoSpacing": 0.000416,
    "FlipAngle": 90,
    "ImageOrientationPatientDICOM": [
      1,
      0,
      0,
      0,
      1,
      0
    ],
    "ImageType": [
      "ORIGINAL",
      "PRIMARY",
      "OTHER"
    ],
    "ImagingFrequency": 127.696,
    "InPlanePhaseEncodingDirectionDICOM": "COL",
    "InstitutionName": "NIH FMRIF",
    "InternalPulseSequenceName": "EPI",
    "MRAcquisitionType": "2D",
    "MagneticFieldStrength": 3,
    "Manufacturer": "GE",
    "ManufacturersModelName": "DISCOVERY MR750",
    "Modality": "MR",
    "PatientPosition": "HFS",
    "PercentPhaseFOV": 100,
    "PercentSampling": 100,
    "PhaseEncodingDirection": "j",
    "PhaseEncodingPolarityGE": "Flipped",
    "PixelBandwidth": 7812.5,
    "ProcedureStepDescription": "MRI Brain",
    "ProtocolName": "ADNI3 FMRIF Enhanced Pro",
    "PulseSequenceName": "epi",
    "ReconMatrixPE": 64,
    "RepetitionTime": 3,
    "SAR": 0.164489,
    "ScanOptions": "MP_GEMS\\EPI_GEMS\\PFF",
    "ScanningSequence": "EP\\GR",
    "SequenceVariant": "SS",
    "SeriesDescription": "Axial rsfMRI with Eyes Open - RKV",
    "SeriesNumber": 10,
    "SliceThickness": 3.4,
    "SliceTiming": [
      0,
      1.5,
      0.0625,
      1.5625,
      0.125,
      1.625,
      0.1875,
      1.6875,
      0.25,
      1.75,
      0.3125,
      1.8125,
      0.375,
      1.875,
      0.4375,
      1.9375,
      0.5,
      2,
      0.5625,
      2.0625,
      0.625,
      2.125,
      0.6875,
      2.1875,
      0.75,
      2.25,
      0.8125,
      2.3125,
      0.875,
      2.375,
      0.9375,
      2.4375,
      1,
      2.5,
      1.0625,
      2.5625,
      1.125,
      2.625,
      1.1875,
      2.6875,
      1.25,
      2.75,
      1.3125,
      2.8125,
      1.375,
      2.875,
      1.4375,
      2.9375
    ],
    "SoftwareVersions": "27\\LX\\MR Software release:DV26.0_R03_1831.b",
    "SpacingBetweenSlices": 3.4,
    "StationName": "FMRI3tb",
    "TaskName": "Resting state with eyes open.",
    "TotalReadoutTime": 0.026208,
    "TriggerDelayTime": 599938,
    "dataset": "ds004215",
    "modality": "bold",
    "session_id": "01",
    "subject_id": "ON52662",
    "task_id": "rest"
  },
  "dummy_trs": 1,
  "dvars_nstd": 16.773587650858584,
  "dvars_std": 1.1853054572727273,
  "dvars_vstd": 0.9897403310101011,
  "efc": 0.47863252268984646,
  "fber": 4704.32861328125,
  "fd_mean": 0.33630284241165126,
  "fd_num": 117,
  "fd_perc": 58.79396984924623,
  "fwhm_avg": 2.6844028507593856,
  "fwhm_x": 2.5318254545454546,
  "fwhm_y": 2.5576785454545456,
  "fwhm_z": 2.963704552278158,
  "gcor": 0.0396578,
  "gsr_x": -0.008941148407757282,
  "gsr_y": 0.05161376670002937,
  "provenance": {
    "md5sum": "3e053a2cf5e1426619bfa60d393a9e7d",
    "settings": {
      "fd_thres": 0.2,
      "testing": false
    },
    "software": "mriqc",
    "version": "22.0.6",
    "webapi_port": null,
    "webapi_url": "https://mriqc.nimh.nih.gov/api/v1"
  },
  "size_t": 199,
  "size_x": 64,
  "size_y": 64,
  "size_z": 48,
  "snr": 4.041147325513774,
  "spacing_tr": 3.0,
  "spacing_x": 3.4375,
  "spacing_y": 3.4375,
  "spacing_z": 3.4000015258789062,
  "summary_bg_k": 23.043328237737455,
  "summary_bg_mad": 15.340086610515838,
  "summary_bg_mean": 141.43455505371094,
  "summary_bg_median": 36.58291244506836,
  "summary_bg_n": 130177.0,
  "summary_bg_p05": 19.206029891967773,
  "summary_bg_p95": 746.7226074218748,
  "summary_bg_stdv": 276.5021057128906,
  "summary_fg_k": 1.454182728130152,
  "summary_fg_mad": 543.3404124465359,
  "summary_fg_mean": 2558.05712890625,
  "summary_fg_median": 2485.2109375,
  "summary_fg_n": 29429.0,
  "summary_fg_p05": 1676.686376953125,
  "summary_fg_p95": 3646.7085449218744,
  "summary_fg_stdv": 614.9661254882812,
  "tsnr": 79.88041715370491
}