{
  "bids_meta": {
    "AcquisitionMatrixPE": 256,
    "AcquisitionNumber": 1,
    "AcquisitionTime": "10:50:27.000000",
    "BodyPartExamined": "BRAIN",
    "CoilString": "32Ch Head",
    "ConversionSoftware": "dcm2niix",
    "ConversionSoftwareVersion": "v1.0.20211006",
    "Dcm2bidsVersion": "2.1.6",
    "DeviceSerialNumber": "000301496mr3T5mr",
    "EchoTime": 0.059345,
    "EchoTrainLength": 140,
    "FlipAngle": 90,
    "ImageOrientationPatientDICOM": [
      0,
      1,
      0,
      0,
      0,
      -1
    ],
    "ImageType": [
      "ORIGINAL",
      "PRIMARY",
      "OTHER"
    ],
    "ImagingFrequency": 127.824,
    "InPlanePhaseEncodingDirectionDICOM": "ROW",
    "InstitutionName": "NIH FMRIF",
    "MRAcquisitionType": "3D",
    "MagneticFieldStrength": 3,
    "Manufacturer": "GE",
    "ManufacturersModelName": "DISCOVERY MR750",
    "Modality": "MR",
    "ParallelReductionFactorInPlane": 2,
    "ParallelReductionOutOfPlane": 1.5,
    "PatientPosition": "HFS",
    "PercentPhaseFOV": 100,
    "PercentSampling": 100,
    "PhaseEncodingAxis": "i",
    "PixelBandwidth": 244.141,
    "ProcedureStepDescription": "MRI Brain",
    "ProtocolName": "ADNI3 FMRIF Enhanced Pro",
    "ReconMatrixPE": 256,
    "RepetitionTime": 3.202,
    "SAR": 0.3669,
    "ScanOptions": "SAT_GEMS\\EDR_GEMS\\PROMO_GEMS\\ACC_GEMS\\FS\\FR_GEMS",
    "ScanningSequence": "RM",
    "SequenceVariant": "NONE",
    "SeriesDescription": "ORIG Anat T2w CUBE (ABCD)",
    "SeriesNumber": 40004,
    "SliceThickness": 1,
    "SoftwareVersions": "27\\LX\\MR Software release:DV26.0_R03_1831.b",
    "SpacingBetweenSlices": 1,
    "StationName": "FMRI3ta",
    "acq_id": "CUBE",
    "dataset": "ds004215",
    "modality": "T2w",
    "session_id": "01",
    "subject_id": "ON84896"
  },
  "cjv": 3.213233607982547,
  "cnr": 0.49989191686074635,
  "efc": 0.43848190334899667,
  "fber": 2263.896327448775,
  "fwhm_avg": 2.38745,
  "fwhm_x": 1.96589,
  "fwhm_y": 2.63359,
  "fwhm_z": 2.56287,
  "icvs_csf": 0.24567830447006936,
  "icvs_gm": 0.5334396102868624,
  "icvs_wm": 0.2208820852430682,
  "inu_med": 0.9036896228790283,
  "inu_range": 0.5180487334728241,
  "provenance": {
    "md5sum": "b29de04ff8fe8303a0c395e6d36dc656",
    "settings": {
      "testing": false
    },
    "software": "mriqc",
    "version": "22.0.6",
    "warnings": {
      "large_rot_frame": true,
      "small_air_mask": false
    },
    "webapi_port": null,
    "webapi_url": "https://mriqc.nimh.nih.gov/api/v1"
  },
  "qi_1": 0.00046785019351372134,
  "qi_2": 0.011753587297315026,
  "rpve_csf": 22.33925008391059,
  "rpve_gm": 12.988773859719377,
  "rpve_wm": 32.05458793440795,
  "size_x": 204,
  "size_y": 256,
  "size_z": 256,
  "snr_csf": 11.293452325532696,
  "snr_gm": 12.274953626266031,
  "snr_total": 8.321095552437386,
  "snr_wm": 1.3948807055134336,
  "snrd_csf": 60.150325309277456,
  "snrd_gm": 43.50607367388389,
  "snrd_total": 57.18936608986715,
  "snrd_wm": 67.9116992864401,
  "spacing_x": 1.0,
  "spacing_y": 1.0,
  "spacing_z": 1.0,
  "summary_bg_k": 74.96729096371611,
  "summary_bg_mad": 9.659382111767265,
  "summary_bg_mean": 10.433492471067268,
  "summary_bg_median": 6.515154227614403,
  "summary_bg_n": 4185612.0,
  "summary_bg_p05": 0.0,
  "summary_bg_p95": 30.86125686764717,
  "summary_bg_stdv": 12.126865326958564,
  "summary_csf_k": 0.6142571865009443,
  "summary_csf_mad": 74.28121331563716,
  "summary_csf_mean": 890.388480196698,
  "summary_csf_median": 886.8610816150904,
  "summary_csf_n": 13149.0,
  "summary_csf_p05": 767.5232683300972,
  "summary_csf_p95": 1024.4718069911,
  "summary_csf_stdv": 78.52579812558386,
  "summary_gm_k": 0.014692771588107334,
  "summary_gm_mad": 52.53348166048863,
  "summary_gm_mean": 641.4068926550306,
  "summary_gm_median": 641.4569390416145,
  "summary_gm_n": 209828.0,
  "summary_gm_p05": 555.3121220320463,
  "summary_gm_p95": 726.2682449519634,
  "summary_gm_stdv": 52.257257342043,
  "summary_wm_k": -1.5975022535625307,
  "summary_wm_mad": 1103.7115034024596,
  "summary_wm_mean": 898.8843987215542,
  "summary_wm_median": 1001.2953840866685,
  "summary_wm_n": 69842.0,
  "summary_wm_p05": 45.94898244738579,
  "summary_wm_p95": 1977.9322429329152,
  "summary_wm_stdv": 717.8307161419303,
  "tpm_overlap_csf": 0.09351289421240218,
  "tpm_overlap_gm": 0.34169970589830434,
  "tpm_overlap_wm": 0.0428028647951166,
  "wm2max": 0.5016288454843267
}