{
  "bids_meta": {
    "AcquisitionMatrixPE": 256,
    "AcquisitionNumber": 1,
    "AcquisitionTime": "16:23:7.000000",
    "BodyPartExamined": "BRAIN",
    "CoilString": "32Ch Head",
    "ConversionSoftware": "dcm2niix",
    "ConversionSoftwareVersion": "v1.0.20211006",
    "Dcm2bidsVersion": "2.1.6",
    "DeviceSerialNumber": "000301496MR3T6MR",
    "EchoTime": 0.059045,
    "EchoTrainLength": 140,
    "FlipAngle": 90,
    "ImageOrientationPatientDICOM": [
      0,
      1,
      0,
      0,
      0,
      -1
    ],
    "ImageType": [
      "ORIGINAL",
      "PRIMARY",
      "OTHER"
    ],
    "ImagingFrequency": 127.697,
    "InPlanePhaseEncodingDirectionDICOM": "ROW",
    "InstitutionName": "NIH FMRIF",
    "MRAcquisitionType": "3D",
    "MagneticFieldStrength": 3,
    "Manufacturer": "GE",
    "ManufacturersModelName": "DISCOVERY MR750",
    "Modality": "MR",
    "ParallelReductionFactorInPlane": 2,
    "ParallelReductionOutOfPlane": 1.5,
    "PatientPosition": "HFS",
    "PercentPhaseFOV": 100,
    "PercentSampling": 100,
    "PhaseEncodingAxis": "i",
    "PixelBandwidth": 244.141,
    "ProcedureStepDescription": "MRI Brain",
    "ProtocolName": "ADNI3 FMRIF Enhanced Pro",
    "ReconMatrixPE": 256,
    "RepetitionTime": 3.202,
    "SAR": 0.3814,
    "ScanOptions": "SAT_GEMS\\EDR_GEMS\\PROMO_GEMS\\ACC_GEMS\\FS\\FR_GEMS",
    "ScanningSequence": "RM",
    "SequenceVariant": "NONE",
    "SeriesDescription": "Sag_CUBE_T2",
    "SeriesNumber": 6,
    "SliceThickness": 1,
    "SoftwareVersions": "27\\LX\\MR Software release:DV26.0_R01_1725.a",
    "SpacingBetweenSlices": 1,
    "StationName": "fmrif3tb",
    "acq_id": "CUBE",
    "dataset": "ds004215",
    "modality": "T2w",
    "session_id": "01",
    "subject_id": "ON37194"
  },
  "cjv": 0.2446631593074723,
  "cnr": 1.519103835839297,
  "efc": 0.42231470652688835,
  "fber": 4227.09703433923,
  "fwhm_avg": 2.5140766666666665,
  "fwhm_x": 2.07527,
  "fwhm_y": 2.78885,
  "fwhm_z": 2.67811,
  "icvs_csf": 0.21764185446093218,
  "icvs_gm": 0.7022005282306915,
  "icvs_wm": 0.08015761730837634,
  "inu_med": 0.8969312310218811,
  "inu_range": 0.5421197652816773,
  "provenance": {
    "md5sum": "11f43c141add97e45828460fea8a0812",
    "settings": {
      "testing": false
    },
    "software": "mriqc",
    "version": "22.0.6",
    "warnings": {
      "large_rot_frame": true,
      "small_air_mask": false
    },
    "webapi_port": null,
    "webapi_url": "https://mriqc.nimh.nih.gov/api/v1"
  },
  "qi_1": 0.0,
  "qi_2": 0.007397624989220824,
  "rpve_csf": 26.008641315937233,
  "rpve_gm": 10.88526983710578,
  "rpve_wm": 80.7928955762282,
  "size_x": 204,
  "size_y": 256,
  "size_z": 256,
  "snr_csf": 5.695595984210308,
  "snr_gm": 9.464240580732847,
  "snr_total": 5.135155279691323,
  "snr_wm": 0.24562927413081298,
  "snrd_csf": 97.9228421948697,
  "snrd_gm": 37.66781316578924,
  "snrd_total": 46.9168150728302,
  "snrd_wm": 5.159789857831645,
  "spacing_x": 1.0,
  "spacing_y": 1.0,
  "spacing_z": 1.0,
  "summary_bg_k": 78.80516207231696,
  "summary_bg_mad": 126.96958508050463,
  "summary_bg_mean": 152.21808825210636,
  "summary_bg_median": 85.6396837234497,
  "summary_bg_n": 2445213.0,
  "summary_bg_p05": 0.0,
  "summary_bg_p95": 446.9973735809326,
  "summary_bg_stdv": 178.7233323492658,
  "summary_csf_k": 4.076232314582165,
  "summary_csf_mad": 2145.3214649882825,
  "summary_csf_mean": 18477.719848713383,
  "summary_csf_median": 18978.067229032516,
  "summary_csf_n": 34042.0,
  "summary_csf_p05": 11961.879482030869,
  "summary_csf_p95": 22731.56579378843,
  "summary_csf_stdv": 3332.011001957445,
  "summary_gm_k": -0.06651631170465766,
  "summary_gm_mad": 781.9468349470102,
  "summary_gm_mean": 7341.687634322444,
  "summary_gm_median": 7300.260844230652,
  "summary_gm_n": 457392.0,
  "summary_gm_p05": 6145.691693544388,
  "summary_gm_p95": 8673.106749773026,
  "summary_gm_stdv": 771.3511508548295,
  "summary_wm_k": 25.15953778440337,
  "summary_wm_mad": 759.494896121799,
  "summary_wm_mean": 1966.4708727330508,
  "summary_wm_median": 999.999965429306,
  "summary_wm_n": 19390.0,
  "summary_wm_p05": 267.3629150390625,
  "summary_wm_p95": 4194.229620015618,
  "summary_wm_stdv": 4071.0708532130748,
  "tpm_overlap_csf": 0.1652255505758852,
  "tpm_overlap_gm": 0.4151236089633522,
  "tpm_overlap_wm": 0.0275114127872691,
  "wm2max": 0.0406722867767034
}