{
  "bids_meta": {
    "AcquisitionMatrixPE": 256,
    "AcquisitionNumber": 1,
    "AcquisitionTime": "15:19:49.000000",
    "BodyPartExamined": "BRAIN",
    "CoilString": "32Ch Head",
    "ConversionSoftware": "dcm2niix",
    "ConversionSoftwareVersion": "v1.0.20211006",
    "Dcm2bidsVersion": "2.1.6",
    "DeviceSerialNumber": "000301496MR3T6MR",
    "EchoTime": 0.00292,
    "FlipAngle": 8,
    "ImageOrientationPatientDICOM": [
      0,
      1,
      0,
      0,
      0,
      -1
    ],
    "ImageType": [
      "ORIGINAL",
      "PRIMARY",
      "OTHER"
    ],
    "ImagingFrequency": 127.696,
    "InPlanePhaseEncodingDirectionDICOM": "ROW",
    "InstitutionName": "NIH FMRIF",
    "InversionTime": 1.06,
    "MRAcquisitionType": "3D",
    "MagneticFieldStrength": 3,
    "Manufacturer": "GE",
    "ManufacturersModelName": "DISCOVERY MR750",
    "Modality": "MR",
    "ParallelReductionFactorInPlane": 2,
    "ParallelReductionOutOfPlane": 2,
    "PatientPosition": "HFS",
    "PercentPhaseFOV": 100,
    "PercentSampling": 100,
    "PixelBandwidth": 244.141,
    "ProcedureStepDescription": "MRI Brain",
    "ProtocolName": "ADNI3 FMRIF Enhanced Pro",
    "ReconMatrixPE": 256,
    "RepetitionTime": 0.006952,
    "SAR": 0.105,
    "ScanOptions": "EDR_GEMS\\PROMO_GEMS\\FILTERED_GEMS\\ACC_GEMS\\IR_GEMS",
    "ScanningSequence": "RM",
    "SequenceVariant": "NONE",
    "SeriesDescription": "Anat T1w MP-RAGE 1mm (ABCD)",
    "SeriesNumber": 3,
    "SliceThickness": 1,
    "SoftwareVersions": "27\\LX\\MR Software release:DV26.0_R03_1831.b",
    "SpacingBetweenSlices": 1,
    "StationName": "FMRI3tb",
    "acq_id": "MPRAGE",
    "dataset": "ds004215",
    "modality": "T1w",
    "rec_id": "SCIC",
    "session_id": "01",
    "subject_id": "ON52662"
  },
  "cjv": 0.35972151552621173,
  "cnr": 3.718297779677108,
  "efc": 0.6750371861576242,
  "fber": 21934.410547845142,
  "fwhm_avg": 3.44852,
  "fwhm_x": 3.40264,
  "fwhm_y": 3.60276,
  "fwhm_z": 3.34016,
  "icvs_csf": 0.2127667359663471,
  "icvs_gm": 0.42965599239605123,
  "icvs_wm": 0.3575772716376016,
  "inu_med": 0.45437827706336975,
  "inu_range": 0.07064115405082699,
  "provenance": {
    "md5sum": "8f37c8097dbddc9df518f7983ebdb325",
    "settings": {
      "testing": false
    },
    "software": "mriqc",
    "version": "22.0.6",
    "warnings": {
      "large_rot_frame": true,
      "small_air_mask": false
    },
    "webapi_port": null,
    "webapi_url": "https://mriqc.nimh.nih.gov/api/v1"
  },
  "qi_1": 0.0,
  "qi_2": 0.003745309232779415,
  "rpve_csf": 26.912181888644877,
  "rpve_gm": 14.145373722859283,
  "rpve_wm": 19.963603270345413,
  "size_x": 208,
  "size_y": 256,
  "size_z": 256,
  "snr_csf": 1.7606775637426557,
  "snr_gm": 8.852419208915894,
  "snr_total": 10.071184987693572,
  "snr_wm": 19.600458190422163,
  "snrd_csf": 12.882915271410578,
  "snrd_gm": 49.06595558082725,
  "snrd_total": 45.36123745974538,
  "snrd_wm": 74.13484152699833,
  "spacing_x": 1.0,
  "spacing_y": 1.0,
  "spacing_z": 1.0,
  "summary_bg_k": 6.118670487791112,
  "summary_bg_mad": 0.0,
  "summary_bg_mean": 5.365932992494574,
  "summary_bg_median": 0.0,
  "summary_bg_n": 1020620.0,
  "summary_bg_p05": 0.0,
  "summary_bg_p95": 24.998219115659595,
  "summary_bg_stdv": 8.837091662062123,
  "summary_csf_k": 1.9422424005499073,
  "summary_csf_mad": 77.82051265846208,
  "summary_csf_mean": 197.37959668354014,
  "summary_csf_median": 173.77679385244846,
  "summary_csf_n": 30605.0,
  "summary_csf_p05": 81.10058513097465,
  "summary_csf_p95": 401.9609177801758,
  "summary_csf_stdv": 98.69720520187984,
  "summary_gm_k": 0.10293601758040083,
  "summary_gm_mad": 72.75214819766671,
  "summary_gm_mean": 660.9218591533918,
  "summary_gm_median": 661.8474365863949,
  "summary_gm_n": 29997.0,
  "summary_gm_p05": 535.3654690608382,
  "summary_gm_p95": 783.9232602678238,
  "summary_gm_stdv": 74.76333745402282,
  "summary_wm_k": 0.4281481118609505,
  "summary_wm_mad": 48.8885988614219,
  "summary_wm_mean": 998.8846366819175,
  "summary_wm_median": 999.9999846238643,
  "summary_wm_n": 225850.0,
  "summary_wm_p05": 913.8237876724452,
  "summary_wm_p95": 1080.2067587864583,
  "summary_wm_stdv": 51.019101749945044,
  "tpm_overlap_csf": 0.1465705890691742,
  "tpm_overlap_gm": 0.4478301194029833,
  "tpm_overlap_wm": 0.5072821866974135,
  "wm2max": 0.7230763802404664
}