{
  "bids_meta": {
    "AcquisitionMatrixPE": 256,
    "AcquisitionNumber": 1,
    "AcquisitionTime": "15:26:20.000000",
    "BodyPartExamined": "BRAIN",
    "CoilString": "32Ch Head",
    "ConversionSoftware": "dcm2niix",
    "ConversionSoftwareVersion": "v1.0.20211006",
    "Dcm2bidsVersion": "2.1.6",
    "DeviceSerialNumber": "000301496MR3T6MR",
    "EchoTime": 0.066091,
    "EchoTrainLength": 140,
    "FlipAngle": 90,
    "ImageOrientationPatientDICOM": [
      0,
      1,
      0,
      0,
      0,
      -1
    ],
    "ImageType": [
      "ORIGINAL",
      "PRIMARY",
      "OTHER"
    ],
    "ImagingFrequency": 127.696,
    "InPlanePhaseEncodingDirectionDICOM": "ROW",
    "InstitutionName": "NIH FMRIF",
    "MRAcquisitionType": "3D",
    "MagneticFieldStrength": 3,
    "Manufacturer": "GE",
    "ManufacturersModelName": "DISCOVERY MR750",
    "Modality": "MR",
    "ParallelReductionFactorInPlane": 2,
    "ParallelReductionOutOfPlane": 1.5,
    "PatientPosition": "HFS",
    "PercentPhaseFOV": 100,
    "PercentSampling": 100,
    "PhaseEncodingAxis": "i",
    "PixelBandwidth": 244.141,
    "ProcedureStepDescription": "MRI Brain",
    "ProtocolName": "ADNI3 FMRIF Enhanced Pro",
    "ReconMatrixPE": 256,
    "RepetitionTime": 3.202,
    "SAR": 0.4348,
    "ScanOptions": "SAT_GEMS\\EDR_GEMS\\PROMO_GEMS\\FILTERED_GEMS\\ACC_GEMS\\FS\\FR_GEMS",
    "ScanningSequence": "RM",
    "SequenceVariant": "NONE",
    "SeriesDescription": "Anat T2w CUBE (ABCD)",
    "SeriesNumber": 4,
    "SliceThickness": 1,
    "SoftwareVersions": "27\\LX\\MR Software release:DV26.0_R03_1831.b",
    "SpacingBetweenSlices": 1,
    "StationName": "FMRI3tb",
    "acq_id": "CUBE",
    "dataset": "ds004215",
    "modality": "T2w",
    "rec_id": "SCIC",
    "session_id": "01",
    "subject_id": "ON52662"
  },
  "cjv": 0.5626734163515443,
  "cnr": 1.2486272379578351,
  "efc": 0.44804467766124256,
  "fber": 9278.574757903894,
  "fwhm_avg": 2.229693333333333,
  "fwhm_x": 1.85659,
  "fwhm_y": 2.54542,
  "fwhm_z": 2.28707,
  "icvs_csf": 0.3181191959803951,
  "icvs_gm": 0.19734810090183708,
  "icvs_wm": 0.4845327031177678,
  "inu_med": 0.7967482805252075,
  "inu_range": 0.14719077348709098,
  "provenance": {
    "md5sum": "018893f1935d78897a6079119b6d1d00",
    "settings": {
      "testing": false
    },
    "software": "mriqc",
    "version": "22.0.6",
    "warnings": {
      "large_rot_frame": true,
      "small_air_mask": false
    },
    "webapi_port": null,
    "webapi_url": "https://mriqc.nimh.nih.gov/api/v1"
  },
  "qi_1": 0.0,
  "qi_2": 0.027830998753987656,
  "rpve_csf": 17.225137743381406,
  "rpve_gm": 34.44849842517447,
  "rpve_wm": 13.365643704253225,
  "size_x": 204,
  "size_y": 256,
  "size_z": 256,
  "snr_csf": 12.803631358650815,
  "snr_gm": 2.147690471417182,
  "snr_total": 9.313192589203181,
  "snr_wm": 12.988255937541547,
  "snrd_csf": 62.627041102648185,
  "snrd_gm": 109.370364805236,
  "snrd_total": 72.54315334262527,
  "snrd_wm": 45.63205411999166,
  "spacing_x": 1.0,
  "spacing_y": 1.0,
  "spacing_z": 1.0,
  "summary_bg_k": 6.18163403596119,
  "summary_bg_mad": 14.356245534216148,
  "summary_bg_mean": 8.084104275117511,
  "summary_bg_median": 9.683140464127064,
  "summary_bg_n": 3412215.0,
  "summary_bg_p05": 0.0,
  "summary_bg_p95": 20.852307435125113,
  "summary_bg_stdv": 8.53371187044487,
  "summary_csf_k": 0.34925163004057325,
  "summary_csf_mad": 104.61580904141668,
  "summary_csf_mean": 1372.97397762904,
  "summary_csf_median": 1372.3694472648203,
  "summary_csf_n": 20129.0,
  "summary_csf_p05": 1200.3259268403053,
  "summary_csf_p95": 1549.2832997247576,
  "summary_csf_stdv": 107.18329191463248,
  "summary_gm_k": -1.435570780162181,
  "summary_gm_mad": 708.857390882534,
  "summary_gm_mean": 1809.8321400302302,
  "summary_gm_median": 2396.673137549311,
  "summary_gm_n": 54455.0,
  "summary_gm_p05": 68.74071002751589,
  "summary_gm_p95": 2894.4440810121596,
  "summary_gm_stdv": 1115.9201772077429,
  "summary_wm_k": 0.056880094682204785,
  "summary_wm_mad": 77.04044633213023,
  "summary_wm_mean": 998.47426337209,
  "summary_wm_median": 999.952030107379,
  "summary_wm_n": 166447.0,
  "summary_wm_p05": 869.8048699088395,
  "summary_wm_p95": 1121.3603957187377,
  "summary_wm_stdv": 76.98870665132748,
  "tpm_overlap_csf": 0.10092428027918263,
  "tpm_overlap_gm": 0.11783572117253208,
  "tpm_overlap_wm": 0.43110131242711525,
  "wm2max": 0.3455358621832036
}