{
  "bids_meta": {
    "AcquisitionMatrixPE": 256,
    "AcquisitionNumber": 1,
    "AcquisitionTime": "15:26:20.000000",
    "BodyPartExamined": "BRAIN",
    "CoilString": "32Ch Head",
    "ConversionSoftware": "dcm2niix",
    "ConversionSoftwareVersion": "v1.0.20211006",
    "Dcm2bidsVersion": "2.1.6",
    "DeviceSerialNumber": "000301496MR3T6MR",
    "EchoTime": 0.066091,
    "EchoTrainLength": 140,
    "FlipAngle": 90,
    "ImageOrientationPatientDICOM": [
      0,
      1,
      0,
      0,
      0,
      -1
    ],
    "ImageType": [
      "ORIGINAL",
      "PRIMARY",
      "OTHER"
    ],
    "ImagingFrequency": 127.696,
    "InPlanePhaseEncodingDirectionDICOM": "ROW",
    "InstitutionName": "NIH FMRIF",
    "MRAcquisitionType": "3D",
    "MagneticFieldStrength": 3,
    "Manufacturer": "GE",
    "ManufacturersModelName": "DISCOVERY MR750",
    "Modality": "MR",
    "ParallelReductionFactorInPlane": 2,
    "ParallelReductionOutOfPlane": 1.5,
    "PatientPosition": "HFS",
    "PercentPhaseFOV": 100,
    "PercentSampling": 100,
    "PhaseEncodingAxis": "i",
    "PixelBandwidth": 244.141,
    "ProcedureStepDescription": "MRI Brain",
    "ProtocolName": "ADNI3 FMRIF Enhanced Pro",
    "ReconMatrixPE": 256,
    "RepetitionTime": 3.202,
    "SAR": 0.4348,
    "ScanOptions": "SAT_GEMS\\EDR_GEMS\\PROMO_GEMS\\ACC_GEMS\\FS\\FR_GEMS",
    "ScanningSequence": "RM",
    "SequenceVariant": "NONE",
    "SeriesDescription": "ORIG Anat T2w CUBE (ABCD)",
    "SeriesNumber": 40004,
    "SliceThickness": 1,
    "SoftwareVersions": "27\\LX\\MR Software release:DV26.0_R03_1831.b",
    "SpacingBetweenSlices": 1,
    "StationName": "FMRI3tb",
    "acq_id": "CUBE",
    "dataset": "ds004215",
    "modality": "T2w",
    "session_id": "01",
    "subject_id": "ON52662"
  },
  "cjv": 0.8867988979384547,
  "cnr": 1.1008332103334673,
  "efc": 0.40261047897057844,
  "fber": 9479.117489184426,
  "fwhm_avg": 2.4588733333333335,
  "fwhm_x": 2.07321,
  "fwhm_y": 2.71704,
  "fwhm_z": 2.58637,
  "icvs_csf": 0.3340585631602973,
  "icvs_gm": 0.19204240830178249,
  "icvs_wm": 0.4738990285379202,
  "inu_med": 0.9473827481269836,
  "inu_range": 0.5468769192695621,
  "provenance": {
    "md5sum": "2ab70a8d05d5c0b429073ac69f7557f2",
    "settings": {
      "testing": false
    },
    "software": "mriqc",
    "version": "22.0.6",
    "warnings": {
      "large_rot_frame": true,
      "small_air_mask": false
    },
    "webapi_port": null,
    "webapi_url": "https://mriqc.nimh.nih.gov/api/v1"
  },
  "qi_1": 0.0,
  "qi_2": 0.0216984951817572,
  "rpve_csf": 16.745469732094083,
  "rpve_gm": 34.77668033685001,
  "rpve_wm": 13.730982672640378,
  "size_x": 204,
  "size_y": 256,
  "size_z": 256,
  "snr_csf": 12.660522751591094,
  "snr_gm": 1.939361878005319,
  "snr_total": 9.23513768940759,
  "snr_wm": 13.105528438626362,
  "snrd_csf": 74.14437755880684,
  "snrd_gm": 124.27156218226617,
  "snrd_total": 84.00041385957918,
  "snrd_wm": 53.585301837664545,
  "spacing_x": 1.0,
  "spacing_y": 1.0,
  "spacing_z": 1.0,
  "summary_bg_k": 1.219835488196451,
  "summary_bg_mad": 0.0,
  "summary_bg_mean": 9.047807956152024,
  "summary_bg_median": 0.0,
  "summary_bg_n": 4549411.0,
  "summary_bg_p05": 0.0,
  "summary_bg_p95": 32.554846346378326,
  "summary_bg_stdv": 12.225259493110554,
  "summary_csf_k": 0.29055999731683135,
  "summary_csf_mad": 106.88127835950111,
  "summary_csf_mean": 1384.8613063781265,
  "summary_csf_median": 1383.5809697210789,
  "summary_csf_n": 23394.0,
  "summary_csf_p05": 1209.3546378910542,
  "summary_csf_p95": 1564.7782849535345,
  "summary_csf_stdv": 109.2807481391611,
  "summary_gm_k": -1.3051298535714233,
  "summary_gm_mad": 1093.5180500788226,
  "summary_gm_mean": 1870.7701128973129,
  "summary_gm_median": 2318.9859322309494,
  "summary_gm_n": 49777.0,
  "summary_gm_p05": 66.01041966676712,
  "summary_gm_p95": 3532.4324440896507,
  "summary_gm_stdv": 1195.7348778813898,
  "summary_wm_k": 0.0939663764143619,
  "summary_wm_mad": 76.21431629561927,
  "summary_wm_mean": 998.9451805941512,
  "summary_wm_median": 999.9356164336205,
  "summary_wm_n": 165799.0,
  "summary_wm_p05": 872.4827496111393,
  "summary_wm_p95": 1121.7911084890366,
  "summary_wm_stdv": 76.2985335239415,
  "tpm_overlap_csf": 0.10130550163575984,
  "tpm_overlap_gm": 0.11468901781933626,
  "tpm_overlap_wm": 0.4381057731502778,
  "wm2max": 0.295239542570571
}