{
  "bids_meta": {
    "AcquisitionMatrixPE": 256,
    "AcquisitionNumber": 1,
    "AcquisitionTime": "15:19:49.000000",
    "BodyPartExamined": "BRAIN",
    "CoilString": "32Ch Head",
    "ConversionSoftware": "dcm2niix",
    "ConversionSoftwareVersion": "v1.0.20211006",
    "Dcm2bidsVersion": "2.1.6",
    "DeviceSerialNumber": "000301496MR3T6MR",
    "EchoTime": 0.00292,
    "FlipAngle": 8,
    "ImageOrientationPatientDICOM": [
      0,
      1,
      0,
      0,
      0,
      -1
    ],
    "ImageType": [
      "ORIGINAL",
      "PRIMARY",
      "OTHER"
    ],
    "ImagingFrequency": 127.696,
    "InPlanePhaseEncodingDirectionDICOM": "ROW",
    "InstitutionName": "NIH FMRIF",
    "InversionTime": 1.06,
    "MRAcquisitionType": "3D",
    "MagneticFieldStrength": 3,
    "Manufacturer": "GE",
    "ManufacturersModelName": "DISCOVERY MR750",
    "Modality": "MR",
    "ParallelReductionFactorInPlane": 2,
    "ParallelReductionOutOfPlane": 2,
    "PatientPosition": "HFS",
    "PercentPhaseFOV": 100,
    "PercentSampling": 100,
    "PixelBandwidth": 244.141,
    "ProcedureStepDescription": "MRI Brain",
    "ProtocolName": "ADNI3 FMRIF Enhanced Pro",
    "ReconMatrixPE": 256,
    "RepetitionTime": 0.006952,
    "SAR": 0.105,
    "ScanOptions": "EDR_GEMS\\PROMO_GEMS\\ACC_GEMS\\IR_GEMS",
    "ScanningSequence": "RM",
    "SequenceVariant": "NONE",
    "SeriesDescription": "ORIG Anat T1w MP-RAGE 1mm (ABCD)",
    "SeriesNumber": 40003,
    "SliceThickness": 1,
    "SoftwareVersions": "27\\LX\\MR Software release:DV26.0_R03_1831.b",
    "SpacingBetweenSlices": 1,
    "StationName": "FMRI3tb",
    "acq_id": "MPRAGE",
    "dataset": "ds004215",
    "modality": "T1w",
    "session_id": "01",
    "subject_id": "ON52662"
  },
  "cjv": 0.3897924874245928,
  "cnr": 3.4317908060507176,
  "efc": 0.45318667493505815,
  "fber": 3171.1388204917757,
  "fwhm_avg": 3.76573,
  "fwhm_x": 3.74109,
  "fwhm_y": 3.8583,
  "fwhm_z": 3.6978,
  "icvs_csf": 0.20444134240185782,
  "icvs_gm": 0.43059749363130545,
  "icvs_wm": 0.36496116396683675,
  "inu_med": 0.8548434376716614,
  "inu_range": 0.5584306836128234,
  "provenance": {
    "md5sum": "f64f3e05e11aa9c0665122b5f6071972",
    "settings": {
      "testing": false
    },
    "software": "mriqc",
    "version": "22.0.6",
    "warnings": {
      "large_rot_frame": true,
      "small_air_mask": false
    },
    "webapi_port": null,
    "webapi_url": "https://mriqc.nimh.nih.gov/api/v1"
  },
  "qi_1": 0.0,
  "qi_2": 0.001440054835836341,
  "rpve_csf": 28.043434776396627,
  "rpve_gm": 14.229383747049539,
  "rpve_wm": 19.67960959265061,
  "size_x": 208,
  "size_y": 256,
  "size_z": 256,
  "snr_csf": 1.2749132661767368,
  "snr_gm": 8.39954417002308,
  "snr_total": 9.139980270762859,
  "snr_wm": 17.74548337608876,
  "snrd_csf": 6.1169658697086335,
  "snrd_gm": 30.90706878150213,
  "snrd_total": 27.858822000252534,
  "snrd_wm": 46.552431349546836,
  "spacing_x": 1.0,
  "spacing_y": 1.0,
  "spacing_z": 1.0,
  "summary_bg_k": 1.7915284182636162,
  "summary_bg_mad": 14.073569364434755,
  "summary_bg_mean": 13.2688668050256,
  "summary_bg_median": 11.377266392111778,
  "summary_bg_n": 4785676.0,
  "summary_bg_p05": 0.0,
  "summary_bg_p95": 38.24406413733959,
  "summary_bg_stdv": 12.944541988894564,
  "summary_csf_k": 2.335806175247865,
  "summary_csf_mad": 75.82961110620532,
  "summary_csf_mean": 158.22942155979393,
  "summary_csf_median": 131.40399994142354,
  "summary_csf_n": 26336.0,
  "summary_csf_p05": 41.80802710354328,
  "summary_csf_p95": 376.68347042798996,
  "summary_csf_stdv": 103.06701533647868,
  "summary_gm_k": 0.13630597512345988,
  "summary_gm_mad": 76.1852608735376,
  "summary_gm_mean": 661.8331706463066,
  "summary_gm_median": 663.9423123914748,
  "summary_gm_n": 26716.0,
  "summary_gm_p05": 527.5350567474961,
  "summary_gm_p95": 791.345421214588,
  "summary_gm_stdv": 79.04356152019427,
  "summary_wm_k": 0.31454935208838286,
  "summary_wm_mad": 54.82087127879098,
  "summary_wm_mean": 1000.5094522658222,
  "summary_wm_median": 1000.0343007668853,
  "summary_wm_n": 225453.0,
  "summary_wm_p05": 909.4959338754416,
  "summary_wm_p95": 1093.451253131032,
  "summary_wm_stdv": 56.354175411119854,
  "tpm_overlap_csf": 0.14710975290840372,
  "tpm_overlap_gm": 0.44257443984027856,
  "tpm_overlap_wm": 0.5046134030694571,
  "wm2max": 0.574287650946933
}