{
  "bids_meta": {
    "AcquisitionMatrixPE": 256,
    "AcquisitionNumber": 2,
    "AcquisitionTime": "09:32:47.000000",
    "BodyPartExamined": "BRAIN",
    "CoilString": "32Ch Head",
    "ConversionSoftware": "dcm2niix",
    "ConversionSoftwareVersion": "v1.0.20211006",
    "Dcm2bidsVersion": "2.1.6",
    "DeviceSerialNumber": "000301496mr3T5mr",
    "EchoTime": 0.00292,
    "FlipAngle": 8,
    "ImageOrientationPatientDICOM": [
      0,
      1,
      0,
      0,
      0,
      -1
    ],
    "ImageType": [
      "ORIGINAL",
      "PRIMARY",
      "OTHER"
    ],
    "ImagingFrequency": 127.824,
    "InPlanePhaseEncodingDirectionDICOM": "ROW",
    "InstitutionName": "NIH FMRIF",
    "InversionTime": 1.06,
    "MRAcquisitionType": "3D",
    "MagneticFieldStrength": 3,
    "Manufacturer": "GE",
    "ManufacturersModelName": "DISCOVERY MR750",
    "Modality": "MR",
    "ParallelReductionFactorInPlane": 2,
    "ParallelReductionOutOfPlane": 2,
    "PatientPosition": "HFS",
    "PercentPhaseFOV": 100,
    "PercentSampling": 100,
    "PixelBandwidth": 244.141,
    "ProcedureStepDescription": "MRI Brain",
    "ProtocolName": "ADNI3 FMRIF Enhanced Pro",
    "ReconMatrixPE": 256,
    "RepetitionTime": 0.006952,
    "SAR": 0.096163,
    "ScanOptions": "EDR_GEMS\\PROMO_GEMS\\ACC_GEMS\\IR_GEMS",
    "ScanningSequence": "RM",
    "SequenceVariant": "NONE",
    "SeriesDescription": "ORIG Anat T1w MP-RAGE 1mm (ABCD)",
    "SeriesNumber": 40003,
    "SliceThickness": 1,
    "SoftwareVersions": "27\\LX\\MR Software release:DV26.0_R03_1831.b",
    "SpacingBetweenSlices": 1,
    "StationName": "FMRI3ta",
    "acq_id": "MPRAGE",
    "dataset": "ds004215",
    "modality": "T1w",
    "session_id": "01",
    "subject_id": "ON02811"
  },
  "cjv": 0.37716271664033435,
  "cnr": 3.6574879260802176,
  "efc": 0.40735664022968854,
  "fber": 8375.374681737061,
  "fwhm_avg": 4.260966666666667,
  "fwhm_x": 4.23479,
  "fwhm_y": 4.38619,
  "fwhm_z": 4.16192,
  "icvs_csf": 0.23862793699503596,
  "icvs_gm": 0.4052561206665757,
  "icvs_wm": 0.3561159423383884,
  "inu_med": 0.8214060068130493,
  "inu_range": 0.5626115560531616,
  "provenance": {
    "md5sum": "e2deb51b43484b47a3605b3a88aee4e0",
    "settings": {
      "testing": false
    },
    "software": "mriqc",
    "version": "22.0.6",
    "warnings": {
      "large_rot_frame": true,
      "small_air_mask": false
    },
    "webapi_port": null,
    "webapi_url": "https://mriqc.nimh.nih.gov/api/v1"
  },
  "qi_1": 0.0,
  "qi_2": 0.0015977246757655557,
  "rpve_csf": 31.85031655003885,
  "rpve_gm": 18.0569923730264,
  "rpve_wm": 23.92536952849187,
  "size_x": 208,
  "size_y": 256,
  "size_z": 256,
  "snr_csf": 1.348750999982712,
  "snr_gm": 7.605326099805102,
  "snr_total": 9.361786466837449,
  "snr_wm": 19.131282300724532,
  "snrd_csf": 5.022136469680847,
  "snrd_gm": 31.233449375563836,
  "snrd_total": 28.43594543514746,
  "snrd_wm": 49.05225046019769,
  "spacing_x": 1.0,
  "spacing_y": 1.0,
  "spacing_z": 1.0,
  "summary_bg_k": 2.2369028373928526,
  "summary_bg_mad": 13.355888567339639,
  "summary_bg_mean": 11.093609033235103,
  "summary_bg_median": 9.008409943431616,
  "summary_bg_n": 4195683.0,
  "summary_bg_p05": 0.0,
  "summary_bg_p95": 32.44357234239578,
  "summary_bg_stdv": 11.093520380486236,
  "summary_csf_k": 5.426100773823762,
  "summary_csf_mad": 51.55077284663196,
  "summary_csf_mean": 118.4093655965003,
  "summary_csf_median": 102.38340452313423,
  "summary_csf_n": 66637.0,
  "summary_csf_p05": 35.20260564610362,
  "summary_csf_p95": 276.64128867611277,
  "summary_csf_stdv": 75.90921994065158,
  "summary_gm_k": -0.18693320592938623,
  "summary_gm_mad": 86.5914989402795,
  "summary_gm_mean": 637.7045770749576,
  "summary_gm_median": 636.7383485846221,
  "summary_gm_n": 25428.0,
  "summary_gm_p05": 500.8709169913083,
  "summary_gm_p95": 776.5515302158892,
  "summary_gm_stdv": 83.72104229171904,
  "summary_wm_k": 0.38102103536701426,
  "summary_wm_mad": 50.417247248665866,
  "summary_wm_mean": 999.9358952783916,
  "summary_wm_median": 999.9999864511192,
  "summary_wm_n": 170880.0,
  "summary_wm_p05": 914.4034713059664,
  "summary_wm_p95": 1085.4302947707474,
  "summary_wm_stdv": 52.270257931379945,
  "tpm_overlap_csf": 0.15155164063282942,
  "tpm_overlap_gm": 0.43901214265218014,
  "tpm_overlap_wm": 0.4970999692942983,
  "wm2max": 0.6004440227961133
}