{
  "bids_meta": {
    "AcquisitionMatrixPE": 256,
    "AcquisitionNumber": 1,
    "AcquisitionTime": "09:39:2.000000",
    "BodyPartExamined": "BRAIN",
    "CoilString": "32Ch Head",
    "ConversionSoftware": "dcm2niix",
    "ConversionSoftwareVersion": "v1.0.20211006",
    "Dcm2bidsVersion": "2.1.6",
    "DeviceSerialNumber": "000301496mr3T5mr",
    "EchoTime": 0.065618,
    "EchoTrainLength": 140,
    "FlipAngle": 90,
    "ImageOrientationPatientDICOM": [
      0,
      1,
      0,
      0,
      0,
      -1
    ],
    "ImageType": [
      "ORIGINAL",
      "PRIMARY",
      "OTHER"
    ],
    "ImagingFrequency": 127.824,
    "InPlanePhaseEncodingDirectionDICOM": "ROW",
    "InstitutionName": "NIH FMRIF",
    "MRAcquisitionType": "3D",
    "MagneticFieldStrength": 3,
    "Manufacturer": "GE",
    "ManufacturersModelName": "DISCOVERY MR750",
    "Modality": "MR",
    "ParallelReductionFactorInPlane": 2,
    "ParallelReductionOutOfPlane": 1.5,
    "PatientPosition": "HFS",
    "PercentPhaseFOV": 100,
    "PercentSampling": 100,
    "PhaseEncodingAxis": "i",
    "PixelBandwidth": 244.141,
    "ProcedureStepDescription": "MRI Brain",
    "ProtocolName": "ADNI3 FMRIF Enhanced Pro",
    "ReconMatrixPE": 256,
    "RepetitionTime": 3.202,
    "SAR": 0.4618,
    "ScanOptions": "SAT_GEMS\\EDR_GEMS\\PROMO_GEMS\\FILTERED_GEMS\\ACC_GEMS\\FS\\FR_GEMS",
    "ScanningSequence": "RM",
    "SequenceVariant": "NONE",
    "SeriesDescription": "Anat T2w CUBE (ABCD)",
    "SeriesNumber": 4,
    "SliceThickness": 1,
    "SoftwareVersions": "27\\LX\\MR Software release:DV26.0_R03_1831.b",
    "SpacingBetweenSlices": 1,
    "StationName": "FMRI3ta",
    "acq_id": "CUBE",
    "dataset": "ds004215",
    "modality": "T2w",
    "rec_id": "SCIC",
    "session_id": "01",
    "subject_id": "ON02811"
  },
  "cjv": 0.3183528635281843,
  "cnr": 0.8109368320472286,
  "efc": 0.42645549631489643,
  "fber": 2305.659557994208,
  "fwhm_avg": 2.6718833333333336,
  "fwhm_x": 2.20161,
  "fwhm_y": 2.96194,
  "fwhm_z": 2.8521,
  "icvs_csf": 0.22169451726105288,
  "icvs_gm": 0.7163407031251151,
  "icvs_wm": 0.06196477961383204,
  "inu_med": 0.7788825035095215,
  "inu_range": 0.1321632355451583,
  "provenance": {
    "md5sum": "442571b8a2b2976209836d22454e8d5d",
    "settings": {
      "testing": false
    },
    "software": "mriqc",
    "version": "22.0.6",
    "warnings": {
      "large_rot_frame": true,
      "small_air_mask": false
    },
    "webapi_port": null,
    "webapi_url": "https://mriqc.nimh.nih.gov/api/v1"
  },
  "qi_1": 0.0,
  "qi_2": 0.025099205648803975,
  "rpve_csf": 28.81029802665927,
  "rpve_gm": 12.309401595387438,
  "rpve_wm": 118.6539824974457,
  "size_x": 204,
  "size_y": 256,
  "size_z": 256,
  "snr_csf": 7.688527278199254,
  "snr_gm": 9.665945469498803,
  "snr_total": 5.84688782136121,
  "snr_wm": 0.1861907163855706,
  "snrd_csf": 103.96225422668955,
  "snrd_gm": 40.7258815531748,
  "snrd_total": 50.75302028667818,
  "snrd_wm": 7.570925080170173,
  "spacing_x": 1.0,
  "spacing_y": 1.0,
  "spacing_z": 1.0,
  "summary_bg_k": 11.396378115602156,
  "summary_bg_mad": 86.66809319393079,
  "summary_bg_mean": 85.44068676306546,
  "summary_bg_median": 58.45674052834511,
  "summary_bg_n": 3152535.0,
  "summary_bg_p05": 0.0,
  "summary_bg_p95": 279.8129313290119,
  "summary_bg_stdv": 96.69385155745577,
  "summary_csf_k": 6.596184728015832,
  "summary_csf_mad": 1278.0654809664993,
  "summary_csf_mean": 13399.40333540741,
  "summary_csf_median": 13753.182296037674,
  "summary_csf_n": 54488.0,
  "summary_csf_p05": 10011.184469403326,
  "summary_csf_p95": 15421.316834141313,
  "summary_csf_stdv": 1788.776392935866,
  "summary_gm_k": -0.006430955768619739,
  "summary_gm_mad": 558.912903219527,
  "summary_gm_mean": 5405.253449434387,
  "summary_gm_median": 5387.633014827967,
  "summary_gm_n": 401301.0,
  "summary_gm_p05": 4521.174216330051,
  "summary_gm_p95": 6354.897214770317,
  "summary_gm_stdv": 557.3822363385377,
  "summary_wm_k": 1.2136691794005277,
  "summary_wm_mad": 837.4063760160246,
  "summary_wm_mean": 3444.7504337343034,
  "summary_wm_median": 1001.5588210523129,
  "summary_wm_n": 11994.0,
  "summary_wm_p05": 284.74927830696106,
  "summary_wm_p95": 15886.736411841213,
  "summary_wm_stdv": 5378.984984483483,
  "tpm_overlap_csf": 0.13474103126288542,
  "tpm_overlap_gm": 0.418532710889452,
  "tpm_overlap_wm": 0.02206797303582887,
  "wm2max": 0.06165040780425396
}