{
  "bids_meta": {
    "AcquisitionMatrixPE": 256,
    "AcquisitionNumber": 2,
    "AcquisitionTime": "09:32:47.000000",
    "BodyPartExamined": "BRAIN",
    "CoilString": "32Ch Head",
    "ConversionSoftware": "dcm2niix",
    "ConversionSoftwareVersion": "v1.0.20211006",
    "Dcm2bidsVersion": "2.1.6",
    "DeviceSerialNumber": "000301496mr3T5mr",
    "EchoTime": 0.00292,
    "FlipAngle": 8,
    "ImageOrientationPatientDICOM": [
      0,
      1,
      0,
      0,
      0,
      -1
    ],
    "ImageType": [
      "ORIGINAL",
      "PRIMARY",
      "OTHER"
    ],
    "ImagingFrequency": 127.824,
    "InPlanePhaseEncodingDirectionDICOM": "ROW",
    "InstitutionName": "NIH FMRIF",
    "InversionTime": 1.06,
    "MRAcquisitionType": "3D",
    "MagneticFieldStrength": 3,
    "Manufacturer": "GE",
    "ManufacturersModelName": "DISCOVERY MR750",
    "Modality": "MR",
    "ParallelReductionFactorInPlane": 2,
    "ParallelReductionOutOfPlane": 2,
    "PatientPosition": "HFS",
    "PercentPhaseFOV": 100,
    "PercentSampling": 100,
    "PixelBandwidth": 244.141,
    "ProcedureStepDescription": "MRI Brain",
    "ProtocolName": "ADNI3 FMRIF Enhanced Pro",
    "ReconMatrixPE": 256,
    "RepetitionTime": 0.006952,
    "SAR": 0.096163,
    "ScanOptions": "EDR_GEMS\\PROMO_GEMS\\FILTERED_GEMS\\ACC_GEMS\\IR_GEMS",
    "ScanningSequence": "RM",
    "SequenceVariant": "NONE",
    "SeriesDescription": "Anat T1w MP-RAGE 1mm (ABCD)",
    "SeriesNumber": 3,
    "SliceThickness": 1,
    "SoftwareVersions": "27\\LX\\MR Software release:DV26.0_R03_1831.b",
    "SpacingBetweenSlices": 1,
    "StationName": "FMRI3ta",
    "acq_id": "MPRAGE",
    "dataset": "ds004215",
    "modality": "T1w",
    "rec_id": "SCIC",
    "session_id": "01",
    "subject_id": "ON02811"
  },
  "cjv": 0.37438925453297106,
  "cnr": 3.645076985065352,
  "efc": 0.6485446371171173,
  "fber": 19058.762217964482,
  "fwhm_avg": 3.874203333333334,
  "fwhm_x": 3.81877,
  "fwhm_y": 4.0602,
  "fwhm_z": 3.74364,
  "icvs_csf": 0.24979007632271913,
  "icvs_gm": 0.40117654711118494,
  "icvs_wm": 0.3490333765660959,
  "inu_med": 0.4500177651643753,
  "inu_range": 0.06791528314352036,
  "provenance": {
    "md5sum": "fd0b21f99693796df08fa254828540dc",
    "settings": {
      "testing": false
    },
    "software": "mriqc",
    "version": "22.0.6",
    "warnings": {
      "large_rot_frame": true,
      "small_air_mask": false
    },
    "webapi_port": null,
    "webapi_url": "https://mriqc.nimh.nih.gov/api/v1"
  },
  "qi_1": 0.0,
  "qi_2": 0.006452143788664335,
  "rpve_csf": 30.33995129336467,
  "rpve_gm": 17.987553597188903,
  "rpve_wm": 24.094094561598226,
  "size_x": 208,
  "size_y": 256,
  "size_z": 256,
  "snr_csf": 2.1726494926637314,
  "snr_gm": 8.183045025830536,
  "snr_total": 10.3258274541174,
  "snr_wm": 20.621787843857934,
  "snrd_csf": 9.060941226255794,
  "snrd_gm": 39.18112670594623,
  "snrd_total": 35.98627824372777,
  "snrd_wm": 59.716766798981276,
  "spacing_x": 1.0,
  "spacing_y": 1.0,
  "spacing_z": 1.0,
  "summary_bg_k": 7.620262003163896,
  "summary_bg_mad": 0.0,
  "summary_bg_mean": 6.382511024655232,
  "summary_bg_median": 0.0,
  "summary_bg_n": 982746.0,
  "summary_bg_p05": 0.0,
  "summary_bg_p95": 32.0855620354414,
  "summary_bg_stdv": 10.970728090366691,
  "summary_csf_k": 4.709018196240801,
  "summary_csf_mad": 50.89146304387084,
  "summary_csf_mean": 165.6155846153185,
  "summary_csf_median": 151.73194839432836,
  "summary_csf_n": 74713.0,
  "summary_csf_p05": 84.4293505512178,
  "summary_csf_p95": 303.9312090285121,
  "summary_csf_stdv": 69.83682065203323,
  "summary_gm_k": -0.11811856452249758,
  "summary_gm_mad": 82.17632032557671,
  "summary_gm_mean": 656.6445953747884,
  "summary_gm_median": 656.1160200610757,
  "summary_gm_n": 24945.0,
  "summary_gm_p05": 525.8997053079307,
  "summary_gm_p95": 788.5532723665237,
  "summary_gm_stdv": 80.17832806798242,
  "summary_wm_k": 0.3783840774033358,
  "summary_wm_mad": 46.57015284856672,
  "summary_wm_mean": 999.5209568507006,
  "summary_wm_median": 1000.0000167712569,
  "summary_wm_n": 170800.0,
  "summary_wm_p05": 919.1116404086351,
  "summary_wm_p95": 1078.1423315182328,
  "summary_wm_stdv": 48.49225959156093,
  "tpm_overlap_csf": 0.15082958358602538,
  "tpm_overlap_gm": 0.4428184180844718,
  "tpm_overlap_wm": 0.4999003675069997,
  "wm2max": 0.7080796193010285
}