{
  "bids_meta": {
    "AcquisitionMatrixPE": 256,
    "AcquisitionNumber": 1,
    "AcquisitionTime": "14:20:1.000000",
    "BodyPartExamined": "BRAIN",
    "CoilString": "32Ch Head",
    "ConversionSoftware": "dcm2niix",
    "ConversionSoftwareVersion": "v1.0.20211006",
    "Dcm2bidsVersion": "2.1.6",
    "DeviceSerialNumber": "000301496MR3T6MR",
    "EchoTime": 0.066898,
    "EchoTrainLength": 140,
    "FlipAngle": 90,
    "ImageOrientationPatientDICOM": [
      0,
      1,
      0,
      0,
      0,
      -1
    ],
    "ImageType": [
      "ORIGINAL",
      "PRIMARY",
      "OTHER"
    ],
    "ImagingFrequency": 127.697,
    "InPlanePhaseEncodingDirectionDICOM": "ROW",
    "InstitutionName": "NIH FMRIF",
    "MRAcquisitionType": "3D",
    "MagneticFieldStrength": 3,
    "Manufacturer": "GE",
    "ManufacturersModelName": "DISCOVERY MR750",
    "Modality": "MR",
    "ParallelReductionFactorInPlane": 2,
    "ParallelReductionOutOfPlane": 1.5,
    "PatientPosition": "HFS",
    "PercentPhaseFOV": 100,
    "PercentSampling": 100,
    "PhaseEncodingAxis": "i",
    "PixelBandwidth": 244.141,
    "ProcedureStepDescription": "MRI Brain",
    "ProtocolName": "ADNI3 FMRIF Enhanced Pro",
    "ReconMatrixPE": 256,
    "RepetitionTime": 3.202,
    "SAR": 0.4211,
    "ScanOptions": "SAT_GEMS\\EDR_GEMS\\PROMO_GEMS\\ACC_GEMS\\FS\\FR_GEMS",
    "ScanningSequence": "RM",
    "SequenceVariant": "NONE",
    "SeriesDescription": "ORIG Anat T2w CUBE (ABCD)",
    "SeriesNumber": 40004,
    "SliceThickness": 1,
    "SoftwareVersions": "27\\LX\\MR Software release:DV26.0_R03_1831.b",
    "SpacingBetweenSlices": 1,
    "StationName": "FMRI3tb",
    "acq_id": "CUBE",
    "dataset": "ds004215",
    "modality": "T2w",
    "session_id": "01",
    "subject_id": "ON48925"
  },
  "cjv": 0.3589488681563789,
  "cnr": 1.4997238306016991,
  "efc": 0.3840100553491834,
  "fber": 4975.169821525149,
  "fwhm_avg": 2.738996666666667,
  "fwhm_x": 2.31674,
  "fwhm_y": 2.98754,
  "fwhm_z": 2.91271,
  "icvs_csf": 0.13278770406408985,
  "icvs_gm": 0.19143950757496997,
  "icvs_wm": 0.6757727883609401,
  "inu_med": 0.8693175315856934,
  "inu_range": 0.4706930398941038,
  "provenance": {
    "md5sum": "f419c9ee3b7263c570e1749d36d84512",
    "settings": {
      "testing": false
    },
    "software": "mriqc",
    "version": "22.0.6",
    "warnings": {
      "large_rot_frame": true,
      "small_air_mask": false
    },
    "webapi_port": null,
    "webapi_url": "https://mriqc.nimh.nih.gov/api/v1"
  },
  "qi_1": 1.631839506456054e-05,
  "qi_2": 0.004541742444619774,
  "rpve_csf": 32.513285222441404,
  "rpve_gm": 39.208453782697596,
  "rpve_wm": 11.040053537979233,
  "size_x": 204,
  "size_y": 256,
  "size_z": 256,
  "snr_csf": 5.407369859008761,
  "snr_gm": 2.2800317226253086,
  "snr_total": 5.1737321284617686,
  "snr_wm": 7.833794803751236,
  "snrd_csf": 58.698538140323635,
  "snrd_gm": 102.40766680859782,
  "snrd_total": 65.26910447789105,
  "snrd_wm": 34.701108484751664,
  "spacing_x": 1.0,
  "spacing_y": 1.0,
  "spacing_z": 1.0,
  "summary_bg_k": 133.87516070664154,
  "summary_bg_mad": 18.88810223504618,
  "summary_bg_mean": 18.044904395277324,
  "summary_bg_median": 12.739831358194351,
  "summary_bg_n": 3981444.0,
  "summary_bg_p05": 0.0,
  "summary_bg_p95": 50.805833488702774,
  "summary_bg_stdv": 31.741970249541474,
  "summary_csf_k": 0.6502283292409698,
  "summary_csf_mad": 258.4028926252402,
  "summary_csf_mean": 1744.5663796224565,
  "summary_csf_median": 1692.3254293948412,
  "summary_csf_n": 233.0,
  "summary_csf_p05": 1346.0322543680668,
  "summary_csf_p95": 2363.6684943884593,
  "summary_csf_stdv": 312.29414093012434,
  "summary_gm_k": -0.8329991571177877,
  "summary_gm_mad": 570.8530657423295,
  "summary_gm_mean": 2364.1776118826656,
  "summary_gm_median": 2952.4942902475595,
  "summary_gm_n": 67164.0,
  "summary_gm_p05": 84.49731521308422,
  "summary_gm_p95": 3771.822775822133,
  "summary_gm_stdv": 1294.9259789367477,
  "summary_wm_k": -0.03734679912966854,
  "summary_wm_mad": 129.82725692884154,
  "summary_wm_mean": 1008.3611389592029,
  "summary_wm_median": 1000.4604914784431,
  "summary_wm_n": 416238.0,
  "summary_wm_p05": 812.1258760988712,
  "summary_wm_p95": 1229.0867421776056,
  "summary_wm_stdv": 127.7106836152586,
  "tpm_overlap_csf": 0.11082027409439095,
  "tpm_overlap_gm": 0.10044176299739199,
  "tpm_overlap_wm": 0.4247128203534878,
  "wm2max": 0.2567186369941817
}