{
  "bids_meta": {
    "AcquisitionMatrixPE": 256,
    "AcquisitionNumber": 1,
    "AcquisitionTime": "14:20:1.000000",
    "BodyPartExamined": "BRAIN",
    "CoilString": "32Ch Head",
    "ConversionSoftware": "dcm2niix",
    "ConversionSoftwareVersion": "v1.0.20211006",
    "Dcm2bidsVersion": "2.1.6",
    "DeviceSerialNumber": "000301496MR3T6MR",
    "EchoTime": 0.066898,
    "EchoTrainLength": 140,
    "FlipAngle": 90,
    "ImageOrientationPatientDICOM": [
      0,
      1,
      0,
      0,
      0,
      -1
    ],
    "ImageType": [
      "ORIGINAL",
      "PRIMARY",
      "OTHER"
    ],
    "ImagingFrequency": 127.697,
    "InPlanePhaseEncodingDirectionDICOM": "ROW",
    "InstitutionName": "NIH FMRIF",
    "MRAcquisitionType": "3D",
    "MagneticFieldStrength": 3,
    "Manufacturer": "GE",
    "ManufacturersModelName": "DISCOVERY MR750",
    "Modality": "MR",
    "ParallelReductionFactorInPlane": 2,
    "ParallelReductionOutOfPlane": 1.5,
    "PatientPosition": "HFS",
    "PercentPhaseFOV": 100,
    "PercentSampling": 100,
    "PhaseEncodingAxis": "i",
    "PixelBandwidth": 244.141,
    "ProcedureStepDescription": "MRI Brain",
    "ProtocolName": "ADNI3 FMRIF Enhanced Pro",
    "ReconMatrixPE": 256,
    "RepetitionTime": 3.202,
    "SAR": 0.4211,
    "ScanOptions": "SAT_GEMS\\EDR_GEMS\\PROMO_GEMS\\FILTERED_GEMS\\ACC_GEMS\\FS\\FR_GEMS",
    "ScanningSequence": "RM",
    "SequenceVariant": "NONE",
    "SeriesDescription": "Anat T2w CUBE (ABCD)",
    "SeriesNumber": 4,
    "SliceThickness": 1,
    "SoftwareVersions": "27\\LX\\MR Software release:DV26.0_R03_1831.b",
    "SpacingBetweenSlices": 1,
    "StationName": "FMRI3tb",
    "acq_id": "CUBE",
    "dataset": "ds004215",
    "modality": "T2w",
    "rec_id": "SCIC",
    "session_id": "01",
    "subject_id": "ON48925"
  },
  "cjv": 0.23823617015250542,
  "cnr": 1.673579981358607,
  "efc": 0.45096851789600695,
  "fber": 1694.436932630868,
  "fwhm_avg": 2.6819066666666664,
  "fwhm_x": 2.27079,
  "fwhm_y": 3.00074,
  "fwhm_z": 2.77419,
  "icvs_csf": 0.12242169624978413,
  "icvs_gm": 0.191844766813989,
  "icvs_wm": 0.6857335369362269,
  "inu_med": 0.727152407169342,
  "inu_range": 0.12186284363269806,
  "provenance": {
    "md5sum": "a1ff96e5dd6dd6462350019c808d5072",
    "settings": {
      "testing": false
    },
    "software": "mriqc",
    "version": "22.0.6",
    "warnings": {
      "large_rot_frame": true,
      "small_air_mask": false
    },
    "webapi_port": null,
    "webapi_url": "https://mriqc.nimh.nih.gov/api/v1"
  },
  "qi_1": 0.0,
  "qi_2": 0.0020733027021182936,
  "rpve_csf": 35.01751521370407,
  "rpve_gm": 39.42999663218099,
  "rpve_wm": 10.97868319250443,
  "size_x": 204,
  "size_y": 256,
  "size_z": 256,
  "snr_csf": 5.065579556880717,
  "snr_gm": 2.4504118345944264,
  "snr_total": 5.04832042461767,
  "snr_wm": 7.628969882377866,
  "snrd_csf": 66.8615170376241,
  "snrd_gm": 125.86449756719114,
  "snrd_total": 77.38995585738563,
  "snrd_wm": 39.443852967341634,
  "spacing_x": 1.0,
  "spacing_y": 1.0,
  "spacing_z": 1.0,
  "summary_bg_k": 155.82204506304038,
  "summary_bg_mad": 16.619139850541053,
  "summary_bg_mean": 15.783113453839693,
  "summary_bg_median": 11.858407035470009,
  "summary_bg_n": 3183136.0,
  "summary_bg_p05": 0.0,
  "summary_bg_p95": 40.53097330033779,
  "summary_bg_stdv": 30.89698542289833,
  "summary_csf_k": 0.8598800799572772,
  "summary_csf_mad": 260.6580881821702,
  "summary_csf_mean": 1741.2097435523021,
  "summary_csf_median": 1696.1061883717775,
  "summary_csf_n": 190.0,
  "summary_csf_p05": 1322.3746263422072,
  "summary_csf_p95": 2452.9911413043737,
  "summary_csf_stdv": 333.94734868711157,
  "summary_gm_k": -0.6846753010197322,
  "summary_gm_mad": 389.41268744530936,
  "summary_gm_mean": 2489.6675144926444,
  "summary_gm_median": 3192.861345037818,
  "summary_gm_n": 70413.0,
  "summary_gm_p05": 87.8466073423624,
  "summary_gm_p95": 3595.1622284948826,
  "summary_gm_stdv": 1302.9804327158677,
  "summary_wm_k": 0.061930074416383984,
  "summary_wm_mad": 132.86564964722032,
  "summary_wm_mean": 1009.980948243437,
  "summary_wm_median": 1000.5899667739868,
  "summary_wm_n": 434168.0,
  "summary_wm_p05": 811.6814129054546,
  "summary_wm_p95": 1238.0530927330256,
  "summary_wm_stdv": 131.15647720372007,
  "tpm_overlap_csf": 0.10965950896011019,
  "tpm_overlap_gm": 0.0991387086626977,
  "tpm_overlap_wm": 0.42077122730264965,
  "wm2max": 0.27700650050632086
}