{
  "aor": 0.005025175879396986,
  "aqi": 0.001824871798994975,
  "bids_meta": {
    "AcquisitionMatrixPE": 64,
    "AcquisitionNumber": 1,
    "AcquisitionTime": "11:05:29.000000",
    "BodyPartExamined": "BRAIN",
    "CoilString": "32Ch Head",
    "ConversionSoftware": "dcm2niix",
    "ConversionSoftwareVersion": "v1.0.20211006",
    "Dcm2bidsVersion": "2.1.6",
    "DeviceSerialNumber": "000301496mr3T5mr",
    "EchoTime": 0.0169,
    "EffectiveEchoSpacing": 0.000416,
    "FlipAngle": 90,
    "ImageOrientationPatientDICOM": [
      1,
      0,
      0,
      0,
      1,
      0
    ],
    "ImageType": [
      "ORIGINAL",
      "PRIMARY",
      "OTHER"
    ],
    "ImagingFrequency": 127.824,
    "InPlanePhaseEncodingDirectionDICOM": "COL",
    "InstitutionName": "NIH FMRIF",
    "InternalPulseSequenceName": "EPI",
    "MRAcquisitionType": "2D",
    "MagneticFieldStrength": 3,
    "Manufacturer": "GE",
    "ManufacturersModelName": "DISCOVERY MR750",
    "Modality": "MR",
    "PatientPosition": "HFS",
    "PercentPhaseFOV": 100,
    "PercentSampling": 100,
    "PhaseEncodingDirection": "j",
    "PhaseEncodingPolarityGE": "Flipped",
    "PixelBandwidth": 7812.5,
    "ProcedureStepDescription": "MRI Brain",
    "ProtocolName": "ADNI3 FMRIF Enhanced Pro",
    "PulseSequenceName": "epi",
    "ReconMatrixPE": 64,
    "RepetitionTime": 3,
    "SAR": 0.196465,
    "ScanOptions": "MP_GEMS\\EPI_GEMS\\PFF",
    "ScanningSequence": "EP\\GR",
    "SequenceVariant": "SS",
    "SeriesDescription": "Axial rsfMRI with Eyes Open - RKV",
    "SeriesNumber": 10,
    "SliceThickness": 3.4,
    "SliceTiming": [
      0,
      1.5,
      0.0625,
      1.5625,
      0.125,
      1.625,
      0.1875,
      1.6875,
      0.25,
      1.75,
      0.3125,
      1.8125,
      0.375,
      1.875,
      0.4375,
      1.9375,
      0.5,
      2,
      0.5625,
      2.0625,
      0.625,
      2.125,
      0.6875,
      2.1875,
      0.75,
      2.25,
      0.8125,
      2.3125,
      0.875,
      2.375,
      0.9375,
      2.4375,
      1,
      2.5,
      1.0625,
      2.5625,
      1.125,
      2.625,
      1.1875,
      2.6875,
      1.25,
      2.75,
      1.3125,
      2.8125,
      1.375,
      2.875,
      1.4375,
      2.9375
    ],
    "SoftwareVersions": "27\\LX\\MR Software release:DV26.0_R03_1831.b",
    "SpacingBetweenSlices": 3.4,
    "StationName": "FMRI3ta",
    "TaskName": "Resting state with eyes open.",
    "TotalReadoutTime": 0.026208,
    "TriggerDelayTime": 599938,
    "dataset": "ds004215",
    "modality": "bold",
    "session_id": "01",
    "subject_id": "ON71932",
    "task_id": "rest"
  },
  "dummy_trs": 1,
  "dvars_nstd": 14.536102581515143,
  "dvars_std": 1.4381783576262623,
  "dvars_vstd": 0.919959904292929,
  "efc": 0.5065102234255539,
  "fber": 3148.819580078125,
  "fd_mean": 0.07343303412866001,
  "fd_num": 10,
  "fd_perc": 5.025125628140704,
  "fwhm_avg": 2.683848121454739,
  "fwhm_x": 2.033285818181818,
  "fwhm_y": 2.812546909090909,
  "fwhm_z": 3.20571163709149,
  "gcor": 0.0289601,
  "gsr_x": -0.02023066021502018,
  "gsr_y": 0.046644508838653564,
  "provenance": {
    "md5sum": "949ff8e4d961b4c35dd58b6437a4dcb7",
    "settings": {
      "fd_thres": 0.2,
      "testing": false
    },
    "software": "mriqc",
    "version": "22.0.6",
    "webapi_port": null,
    "webapi_url": "https://mriqc.nimh.nih.gov/api/v1"
  },
  "size_t": 199,
  "size_x": 64,
  "size_y": 64,
  "size_z": 48,
  "snr": 3.831451678727982,
  "spacing_tr": 3.0,
  "spacing_x": 3.4375,
  "spacing_y": 3.4375,
  "spacing_z": 3.399993896484375,
  "summary_bg_k": 17.572439766442788,
  "summary_bg_mad": 15.820632656581228,
  "summary_bg_mean": 169.5811004638672,
  "summary_bg_median": 38.37688446044922,
  "summary_bg_n": 125368.0,
  "summary_bg_p05": 21.889446258544922,
  "summary_bg_p95": 880.5409515380859,
  "summary_bg_stdv": 359.09930419921875,
  "summary_fg_k": 1.2875938264394478,
  "summary_fg_mad": 484.90775066945935,
  "summary_fg_mean": 2232.103271484375,
  "summary_fg_median": 2230.78125,
  "summary_fg_n": 27328.0,
  "summary_fg_p05": 1279.6813598632814,
  "summary_fg_p95": 3160.3733642578127,
  "summary_fg_stdv": 582.2180786132812,
  "tsnr": 97.09273017011583
}