{
  "aor": 0.0054617085427135685,
  "aqi": 0.002321532286432161,
  "bids_meta": {
    "AcquisitionMatrixPE": 64,
    "AcquisitionNumber": 1,
    "AcquisitionTime": "17:03:19.000000",
    "BodyPartExamined": "BRAIN",
    "CoilString": "32Ch Head",
    "ConversionSoftware": "dcm2niix",
    "ConversionSoftwareVersion": "v1.0.20211006",
    "Dcm2bidsVersion": "2.1.6",
    "DeviceSerialNumber": "000301496MR3T6MR",
    "EchoTime": 0.0169,
    "EffectiveEchoSpacing": 0.000416,
    "FlipAngle": 90,
    "ImageOrientationPatientDICOM": [
      1,
      0,
      0,
      0,
      1,
      0
    ],
    "ImageType": [
      "ORIGINAL",
      "PRIMARY",
      "OTHER"
    ],
    "ImagingFrequency": 127.697,
    "InPlanePhaseEncodingDirectionDICOM": "COL",
    "InstitutionName": "NIH FMRIF",
    "InternalPulseSequenceName": "EPI",
    "MRAcquisitionType": "2D",
    "MagneticFieldStrength": 3,
    "Manufacturer": "GE",
    "ManufacturersModelName": "DISCOVERY MR750",
    "Modality": "MR",
    "PatientPosition": "HFS",
    "PercentPhaseFOV": 100,
    "PercentSampling": 100,
    "PhaseEncodingDirection": "j",
    "PhaseEncodingPolarityGE": "Flipped",
    "PixelBandwidth": 7812.5,
    "ProcedureStepDescription": "MRI Brain",
    "ProtocolName": "ADNI3 FMRIF Enhanced Pro",
    "PulseSequenceName": "epi",
    "ReconMatrixPE": 64,
    "RepetitionTime": 3,
    "SAR": 0.166243,
    "ScanOptions": "MP_GEMS\\EPI_GEMS\\PFF",
    "ScanningSequence": "EP\\GR",
    "SequenceVariant": "SS",
    "SeriesDescription": "Axial rsfMRI with Eyes Open - RKV",
    "SeriesNumber": 11,
    "SliceThickness": 3.4,
    "SliceTiming": [
      0,
      1.5,
      0.0625,
      1.5625,
      0.125,
      1.625,
      0.1875,
      1.6875,
      0.25,
      1.75,
      0.3125,
      1.8125,
      0.375,
      1.875,
      0.4375,
      1.9375,
      0.5,
      2,
      0.5625,
      2.0625,
      0.625,
      2.125,
      0.6875,
      2.1875,
      0.75,
      2.25,
      0.8125,
      2.3125,
      0.875,
      2.375,
      0.9375,
      2.4375,
      1,
      2.5,
      1.0625,
      2.5625,
      1.125,
      2.625,
      1.1875,
      2.6875,
      1.25,
      2.75,
      1.3125,
      2.8125,
      1.375,
      2.875,
      1.4375,
      2.9375
    ],
    "SoftwareVersions": "27\\LX\\MR Software release:DV26.0_R01_1725.a",
    "SpacingBetweenSlices": 3.4,
    "StationName": "fmrif3tb",
    "TaskName": "Resting state with eyes open.",
    "TotalReadoutTime": 0.026208,
    "TriggerDelayTime": 599938,
    "dataset": "ds004215",
    "modality": "bold",
    "session_id": "01",
    "subject_id": "ON40757",
    "task_id": "rest"
  },
  "dummy_trs": 1,
  "dvars_nstd": 10.764271242272732,
  "dvars_std": 1.1102901617676773,
  "dvars_vstd": 0.963403492020202,
  "efc": 0.4541793819339083,
  "fber": 4745.06689453125,
  "fd_mean": 0.08805571911188573,
  "fd_num": 10,
  "fd_perc": 5.025125628140704,
  "fwhm_avg": 2.7127314875558,
  "fwhm_x": 2.718533818181818,
  "fwhm_y": 2.5240116363636362,
  "fwhm_z": 2.8956490081219446,
  "gcor": 0.0305978,
  "gsr_x": -0.00678930152207613,
  "gsr_y": 0.04760681092739105,
  "provenance": {
    "md5sum": "80c707b8236f78b686a7b60c515fee83",
    "settings": {
      "fd_thres": 0.2,
      "testing": false
    },
    "software": "mriqc",
    "version": "22.0.6",
    "webapi_port": null,
    "webapi_url": "https://mriqc.nimh.nih.gov/api/v1"
  },
  "size_t": 199,
  "size_x": 64,
  "size_y": 64,
  "size_z": 48,
  "snr": 3.9231692444997623,
  "spacing_tr": 3.0,
  "spacing_x": 3.4375,
  "spacing_y": 3.4375,
  "spacing_z": 3.3999977111816406,
  "summary_bg_k": 15.63209195165777,
  "summary_bg_mad": 15.690252297148207,
  "summary_bg_mean": 156.19659423828125,
  "summary_bg_median": 37.36180877685547,
  "summary_bg_n": 137478.0,
  "summary_bg_p05": 21.487436294555664,
  "summary_bg_p95": 810.744198608398,
  "summary_bg_stdv": 296.9978332519531,
  "summary_fg_k": 1.7622934084412014,
  "summary_fg_mad": 553.2788424058886,
  "summary_fg_mean": 2644.0791015625,
  "summary_fg_median": 2540.4951171875,
  "summary_fg_n": 23272.0,
  "summary_fg_p05": 1762.0959838867188,
  "summary_fg_p95": 3848.607312011719,
  "summary_fg_stdv": 647.5480346679688,
  "tsnr": 100.01367001235485
}