{
  "aor": 0.040744444444444444,
  "aqi": 0.001792286555555556,
  "bids_meta": {
    "AcquisitionMatrixPE": 64,
    "AcquisitionNumber": 1,
    "AcquisitionTime": "17:14:37.000000",
    "BodyPartExamined": "BRAIN",
    "CoilString": "32Ch Head",
    "ConversionSoftware": "dcm2niix",
    "ConversionSoftwareVersion": "v1.0.20211006",
    "Dcm2bidsVersion": "2.1.6",
    "DeviceSerialNumber": "000301496MR3T6MR",
    "EchoTime": 0.0169,
    "EffectiveEchoSpacing": 0.000416,
    "FlipAngle": 90,
    "ImageOrientationPatientDICOM": [
      1,
      0,
      0,
      0,
      1,
      0
    ],
    "ImageType": [
      "ORIGINAL",
      "PRIMARY",
      "OTHER"
    ],
    "ImagingFrequency": 127.697,
    "InPlanePhaseEncodingDirectionDICOM": "COL",
    "InstitutionName": "NIH FMRIF",
    "InternalPulseSequenceName": "EPI",
    "MRAcquisitionType": "2D",
    "MagneticFieldStrength": 3,
    "Manufacturer": "GE",
    "ManufacturersModelName": "DISCOVERY MR750",
    "Modality": "MR",
    "PatientPosition": "HFS",
    "PercentPhaseFOV": 100,
    "PercentSampling": 100,
    "PhaseEncodingDirection": "j-",
    "PhaseEncodingPolarityGE": "Unflipped",
    "PixelBandwidth": 7812.5,
    "ProcedureStepDescription": "MRI Brain",
    "ProtocolName": "ADNI3 FMRIF Enhanced Pro",
    "PulseSequenceName": "epi",
    "ReconMatrixPE": 64,
    "RepetitionTime": 3,
    "SAR": 0.1647,
    "ScanOptions": "MP_GEMS\\EPI_GEMS\\PFF",
    "ScanningSequence": "EP\\GR",
    "SequenceVariant": "SS",
    "SeriesDescription": "Axial rsfMRI reverse blip - RKV",
    "SeriesNumber": 12,
    "SliceThickness": 3.4,
    "SliceTiming": [
      0,
      1.5,
      0.0625,
      1.5625,
      0.125,
      1.625,
      0.1875,
      1.6875,
      0.25,
      1.75,
      0.3125,
      1.8125,
      0.375,
      1.875,
      0.4375,
      1.9375,
      0.5,
      2,
      0.5625,
      2.0625,
      0.625,
      2.125,
      0.6875,
      2.1875,
      0.75,
      2.25,
      0.8125,
      2.3125,
      0.875,
      2.375,
      0.9375,
      2.4375,
      1,
      2.5,
      1.0625,
      2.5625,
      1.125,
      2.625,
      1.1875,
      2.6875,
      1.25,
      2.75,
      1.3125,
      2.8125,
      1.375,
      2.875,
      1.4375,
      2.9375
    ],
    "SoftwareVersions": "27\\LX\\MR Software release:DV26.0_R01_1725.a",
    "SpacingBetweenSlices": 3.4,
    "StationName": "fmrif3tb",
    "TaskName": "Resting state with reverse blip.",
    "TotalReadoutTime": 0.026208,
    "TriggerDelayTime": 29938,
    "dataset": "ds004215",
    "modality": "bold",
    "session_id": "01",
    "subject_id": "ON40757",
    "task_id": "rest"
  },
  "dummy_trs": 1,
  "dvars_nstd": 16.6711606975,
  "dvars_std": 1.54880575,
  "dvars_vstd": 1.5222132725,
  "efc": 0.4665772006384171,
  "fber": 4822.97216796875,
  "fd_mean": 0.14257810497522166,
  "fd_num": 2,
  "fd_perc": 22.22222222222222,
  "fwhm_avg": 2.5666837300635437,
  "fwhm_x": 2.498949818181818,
  "fwhm_y": 2.5275054545454547,
  "fwhm_z": 2.6735959174633592,
  "gcor": 0.0595705,
  "gsr_x": -0.006378508638590574,
  "gsr_y": 0.057082399725914,
  "provenance": {
    "md5sum": "723e330de7365c8a7fa32500e23aac69",
    "settings": {
      "fd_thres": 0.2,
      "testing": false
    },
    "software": "mriqc",
    "version": "22.0.6",
    "webapi_port": null,
    "webapi_url": "https://mriqc.nimh.nih.gov/api/v1"
  },
  "size_t": 9,
  "size_x": 64,
  "size_y": 64,
  "size_z": 48,
  "snr": 4.641466862094775,
  "spacing_tr": 3.0,
  "spacing_x": 3.4375,
  "spacing_y": 3.4375,
  "spacing_z": 3.3999977111816406,
  "summary_bg_k": 13.465497213084735,
  "summary_bg_mad": 12.519749553745692,
  "summary_bg_mean": 154.42794799804688,
  "summary_bg_median": 36.22222137451172,
  "summary_bg_n": 135245.0,
  "summary_bg_p05": 25.44444465637207,
  "summary_bg_p95": 826.1555664062461,
  "summary_bg_stdv": 293.6310119628906,
  "summary_fg_k": 0.8650005295517467,
  "summary_fg_mad": 457.30043772814076,
  "summary_fg_mean": 2578.377197265625,
  "summary_fg_median": 2492.388916015625,
  "summary_fg_n": 24730.0,
  "summary_fg_p05": 1802.6055297851562,
  "summary_fg_p95": 3609.2445190429685,
  "summary_fg_stdv": 536.97216796875,
  "tsnr": 148.28001863136888
}