{
  "aor": 0.04732888888888889,
  "aqi": 0.0011012494444444442,
  "bids_meta": {
    "AcquisitionMatrixPE": 64,
    "AcquisitionNumber": 1,
    "AcquisitionTime": "15:12:1.000000",
    "BodyPartExamined": "BRAIN",
    "CoilString": "32Ch Head",
    "ConversionSoftware": "dcm2niix",
    "ConversionSoftwareVersion": "v1.0.20211006",
    "Dcm2bidsVersion": "2.1.6",
    "DeviceSerialNumber": "000301496MR3T6MR",
    "EchoTime": 0.0169,
    "EffectiveEchoSpacing": 0.000416,
    "FlipAngle": 90,
    "ImageOrientationPatientDICOM": [
      1,
      0,
      0,
      0,
      1,
      0
    ],
    "ImageType": [
      "ORIGINAL",
      "PRIMARY",
      "OTHER"
    ],
    "ImagingFrequency": 127.697,
    "InPlanePhaseEncodingDirectionDICOM": "COL",
    "InstitutionName": "NIH FMRIF",
    "InternalPulseSequenceName": "EPI",
    "MRAcquisitionType": "2D",
    "MagneticFieldStrength": 3,
    "Manufacturer": "GE",
    "ManufacturersModelName": "DISCOVERY MR750",
    "Modality": "MR",
    "PatientPosition": "HFS",
    "PercentPhaseFOV": 100,
    "PercentSampling": 100,
    "PhaseEncodingDirection": "j-",
    "PhaseEncodingPolarityGE": "Unflipped",
    "PixelBandwidth": 7812.5,
    "ProcedureStepDescription": "MRI Brain",
    "ProtocolName": "ADNI3 FMRIF Enhanced Pro",
    "PulseSequenceName": "epi",
    "ReconMatrixPE": 64,
    "RepetitionTime": 3,
    "SAR": 0.199785,
    "ScanOptions": "MP_GEMS\\EPI_GEMS\\PFF",
    "ScanningSequence": "EP\\GR",
    "SequenceVariant": "SS",
    "SeriesDescription": "Axial rsfMRI reverse blip - RKV",
    "SeriesNumber": 12,
    "SliceThickness": 3.4,
    "SliceTiming": [
      0,
      1.5,
      0.0625,
      1.5625,
      0.125,
      1.625,
      0.1875,
      1.6875,
      0.25,
      1.75,
      0.3125,
      1.8125,
      0.375,
      1.875,
      0.4375,
      1.9375,
      0.5,
      2,
      0.5625,
      2.0625,
      0.625,
      2.125,
      0.6875,
      2.1875,
      0.75,
      2.25,
      0.8125,
      2.3125,
      0.875,
      2.375,
      0.9375,
      2.4375,
      1,
      2.5,
      1.0625,
      2.5625,
      1.125,
      2.625,
      1.1875,
      2.6875,
      1.25,
      2.75,
      1.3125,
      2.8125,
      1.375,
      2.875,
      1.4375,
      2.9375
    ],
    "SoftwareVersions": "27\\LX\\MR Software release:DV26.0_R01_1725.a",
    "SpacingBetweenSlices": 3.4,
    "StationName": "fmrif3tb",
    "TaskName": "Resting state with reverse blip.",
    "TotalReadoutTime": 0.026208,
    "TriggerDelayTime": 29938,
    "dataset": "ds004215",
    "modality": "bold",
    "session_id": "01",
    "subject_id": "ON98018",
    "task_id": "rest"
  },
  "dummy_trs": 1,
  "dvars_nstd": 17.596797704999997,
  "dvars_std": 1.5687130549999997,
  "dvars_vstd": 1.6788304,
  "efc": 0.5020939048044816,
  "fber": 3897.2734375,
  "fd_mean": 0.29812059163183735,
  "fd_num": 6,
  "fd_perc": 66.66666666666667,
  "fwhm_avg": 2.6105536289861697,
  "fwhm_x": 2.3834210909090907,
  "fwhm_y": 2.6213643636363635,
  "fwhm_z": 2.826875432413056,
  "gcor": 0.0243911,
  "gsr_x": 0.010465510189533234,
  "gsr_y": 0.057475440204143524,
  "provenance": {
    "md5sum": "f8766f48df0ac8a0ede64bc66bc0a2b3",
    "settings": {
      "fd_thres": 0.2,
      "testing": false
    },
    "software": "mriqc",
    "version": "22.0.6",
    "webapi_port": null,
    "webapi_url": "https://mriqc.nimh.nih.gov/api/v1"
  },
  "size_t": 9,
  "size_x": 64,
  "size_y": 64,
  "size_z": 48,
  "snr": 4.132229026201518,
  "spacing_tr": 3.0,
  "spacing_x": 3.4375,
  "spacing_y": 3.4375,
  "spacing_z": 3.3999977111816406,
  "summary_bg_k": 20.19003620033193,
  "summary_bg_mad": 14.496553454366266,
  "summary_bg_mean": 156.7552032470703,
  "summary_bg_median": 38.33333206176758,
  "summary_bg_n": 126827.0,
  "summary_bg_p05": 24.77777862548828,
  "summary_bg_p95": 794.7444458007809,
  "summary_bg_stdv": 297.48712158203125,
  "summary_fg_k": 0.866470120775813,
  "summary_fg_mad": 529.7830720915243,
  "summary_fg_mean": 2425.481689453125,
  "summary_fg_median": 2385.666748046875,
  "summary_fg_n": 30645.0,
  "summary_fg_p05": 1524.9555908203124,
  "summary_fg_p95": 3416.199951171875,
  "summary_fg_stdv": 577.322265625,
  "tsnr": 138.68229607120156
}