{
  "aor": 0.005823618090452261,
  "aqi": 0.0019115308190954775,
  "bids_meta": {
    "AcquisitionMatrixPE": 64,
    "AcquisitionNumber": 1,
    "AcquisitionTime": "15:01:5.000000",
    "BodyPartExamined": "BRAIN",
    "CoilString": "32Ch Head",
    "ConversionSoftware": "dcm2niix",
    "ConversionSoftwareVersion": "v1.0.20211006",
    "Dcm2bidsVersion": "2.1.6",
    "DeviceSerialNumber": "000301496MR3T6MR",
    "EchoTime": 0.0169,
    "EffectiveEchoSpacing": 0.000416,
    "FlipAngle": 90,
    "ImageOrientationPatientDICOM": [
      1,
      0,
      0,
      0,
      1,
      0
    ],
    "ImageType": [
      "ORIGINAL",
      "PRIMARY",
      "OTHER"
    ],
    "ImagingFrequency": 127.697,
    "InPlanePhaseEncodingDirectionDICOM": "COL",
    "InstitutionName": "NIH FMRIF",
    "InternalPulseSequenceName": "EPI",
    "MRAcquisitionType": "2D",
    "MagneticFieldStrength": 3,
    "Manufacturer": "GE",
    "ManufacturersModelName": "DISCOVERY MR750",
    "Modality": "MR",
    "PatientPosition": "HFS",
    "PercentPhaseFOV": 100,
    "PercentSampling": 100,
    "PhaseEncodingDirection": "j",
    "PhaseEncodingPolarityGE": "Flipped",
    "PixelBandwidth": 7812.5,
    "ProcedureStepDescription": "MRI Brain",
    "ProtocolName": "ADNI3 FMRIF Enhanced Pro",
    "PulseSequenceName": "epi",
    "ReconMatrixPE": 64,
    "RepetitionTime": 3,
    "SAR": 0.200845,
    "ScanOptions": "MP_GEMS\\EPI_GEMS\\PFF",
    "ScanningSequence": "EP\\GR",
    "SequenceVariant": "SS",
    "SeriesDescription": "Axial rsfMRI with Eyes Open - RKV",
    "SeriesNumber": 11,
    "SliceThickness": 3.4,
    "SliceTiming": [
      0,
      1.5,
      0.0625,
      1.5625,
      0.125,
      1.625,
      0.1875,
      1.6875,
      0.25,
      1.75,
      0.3125,
      1.8125,
      0.375,
      1.875,
      0.4375,
      1.9375,
      0.5,
      2,
      0.5625,
      2.0625,
      0.625,
      2.125,
      0.6875,
      2.1875,
      0.75,
      2.25,
      0.8125,
      2.3125,
      0.875,
      2.375,
      0.9375,
      2.4375,
      1,
      2.5,
      1.0625,
      2.5625,
      1.125,
      2.625,
      1.1875,
      2.6875,
      1.25,
      2.75,
      1.3125,
      2.8125,
      1.375,
      2.875,
      1.4375,
      2.9375
    ],
    "SoftwareVersions": "27\\LX\\MR Software release:DV26.0_R01_1725.a",
    "SpacingBetweenSlices": 3.4,
    "StationName": "fmrif3tb",
    "TaskName": "Resting state with eyes open.",
    "TotalReadoutTime": 0.026208,
    "TriggerDelayTime": 599938,
    "dataset": "ds004215",
    "modality": "bold",
    "session_id": "01",
    "subject_id": "ON98018",
    "task_id": "rest"
  },
  "dummy_trs": 1,
  "dvars_nstd": 12.358231655555556,
  "dvars_std": 1.2130451376262634,
  "dvars_vstd": 1.004337462828283,
  "efc": 0.5007064364980536,
  "fber": 3540.959716796875,
  "fd_mean": 0.08471105616510691,
  "fd_num": 14,
  "fd_perc": 7.035175879396985,
  "fwhm_avg": 2.659088390437588,
  "fwhm_x": 2.5002356363636364,
  "fwhm_y": 2.5455010909090907,
  "fwhm_z": 2.9315284440400364,
  "gcor": 0.038036,
  "gsr_x": 0.008615713566541672,
  "gsr_y": 0.054564815014600754,
  "provenance": {
    "md5sum": "bffe0658e85fafa5912a1a5e696898f7",
    "settings": {
      "fd_thres": 0.2,
      "testing": false
    },
    "software": "mriqc",
    "version": "22.0.6",
    "webapi_port": null,
    "webapi_url": "https://mriqc.nimh.nih.gov/api/v1"
  },
  "size_t": 199,
  "size_x": 64,
  "size_y": 64,
  "size_z": 48,
  "snr": 3.75267446020107,
  "spacing_tr": 3.0,
  "spacing_x": 3.4375,
  "spacing_y": 3.4375,
  "spacing_z": 3.3999977111816406,
  "summary_bg_k": 16.250487823508813,
  "summary_bg_mad": 18.688983597071786,
  "summary_bg_mean": 168.1446075439453,
  "summary_bg_median": 40.38190841674805,
  "summary_bg_n": 128288.0,
  "summary_bg_p05": 22.25628089904785,
  "summary_bg_p95": 851.9002288818344,
  "summary_bg_stdv": 310.1356201171875,
  "summary_fg_k": 1.8996826668091247,
  "summary_fg_mad": 565.8174366808258,
  "summary_fg_mean": 2434.57763671875,
  "summary_fg_median": 2365.512451171875,
  "summary_fg_n": 30379.0,
  "summary_fg_p05": 1533.9844360351562,
  "summary_fg_p95": 3496.1994140624993,
  "summary_fg_stdv": 630.3433837890625,
  "tsnr": 113.36494740983471
}