{
  "aor": 0.03462111111111111,
  "aqi": 0.0010811415555555554,
  "bids_meta": {
    "AcquisitionMatrixPE": 64,
    "AcquisitionNumber": 1,
    "AcquisitionTime": "15:15:11.000000",
    "BodyPartExamined": "BRAIN",
    "CoilString": "32Ch Head",
    "ConversionSoftware": "dcm2niix",
    "ConversionSoftwareVersion": "v1.0.20211006",
    "Dcm2bidsVersion": "2.1.6",
    "DeviceSerialNumber": "000301496MR3T6MR",
    "EchoTime": 0.0169,
    "EffectiveEchoSpacing": 0.000416,
    "FlipAngle": 90,
    "ImageOrientationPatientDICOM": [
      1,
      0,
      0,
      0,
      1,
      0
    ],
    "ImageType": [
      "ORIGINAL",
      "PRIMARY",
      "OTHER"
    ],
    "ImagingFrequency": 127.696,
    "InPlanePhaseEncodingDirectionDICOM": "COL",
    "InstitutionName": "NIH FMRIF",
    "InternalPulseSequenceName": "EPI",
    "MRAcquisitionType": "2D",
    "MagneticFieldStrength": 3,
    "Manufacturer": "GE",
    "ManufacturersModelName": "DISCOVERY MR750",
    "Modality": "MR",
    "PatientPosition": "HFS",
    "PercentPhaseFOV": 100,
    "PercentSampling": 100,
    "PhaseEncodingDirection": "j-",
    "PhaseEncodingPolarityGE": "Unflipped",
    "PixelBandwidth": 7812.5,
    "ProcedureStepDescription": "MRI Brain",
    "ProtocolName": "ADNI3 FMRIF Enhanced Pro",
    "PulseSequenceName": "epi",
    "ReconMatrixPE": 64,
    "RepetitionTime": 3,
    "SAR": 0.214189,
    "ScanOptions": "MP_GEMS\\EPI_GEMS\\PFF",
    "ScanningSequence": "EP\\GR",
    "SequenceVariant": "SS",
    "SeriesDescription": "Axial rsfMRI reverse blip - RKV",
    "SeriesNumber": 11,
    "SliceThickness": 3.4,
    "SliceTiming": [
      0,
      1.5,
      0.0625,
      1.5625,
      0.125,
      1.625,
      0.1875,
      1.6875,
      0.25,
      1.75,
      0.3125,
      1.8125,
      0.375,
      1.875,
      0.4375,
      1.9375,
      0.5,
      2,
      0.5625,
      2.0625,
      0.625,
      2.125,
      0.6875,
      2.1875,
      0.75,
      2.25,
      0.8125,
      2.3125,
      0.875,
      2.375,
      0.9375,
      2.4375,
      1,
      2.5,
      1.0625,
      2.5625,
      1.125,
      2.625,
      1.1875,
      2.6875,
      1.25,
      2.75,
      1.3125,
      2.8125,
      1.375,
      2.875,
      1.4375,
      2.9375
    ],
    "SoftwareVersions": "27\\LX\\MR Software release:DV26.0_R03_1831.b",
    "SpacingBetweenSlices": 3.4,
    "StationName": "FMRI3tb",
    "TaskName": "Resting state with reverse blip.",
    "TotalReadoutTime": 0.026208,
    "TriggerDelayTime": 29938,
    "dataset": "ds004215",
    "modality": "bold",
    "session_id": "01",
    "subject_id": "ON11111",
    "task_id": "rest"
  },
  "dummy_trs": 1,
  "dvars_nstd": 17.57303225875,
  "dvars_std": 1.35301977375,
  "dvars_vstd": 1.3448974200000001,
  "efc": 0.48635676631861574,
  "fber": 4245.46533203125,
  "fd_mean": 0.15425105478336404,
  "fd_num": 3,
  "fd_perc": 33.333333333333336,
  "fwhm_avg": 3.119591802844124,
  "fwhm_x": 2.9233745454545454,
  "fwhm_y": 3.0948654545454546,
  "fwhm_z": 3.340535408532371,
  "gcor": 0.0822457,
  "gsr_x": 0.004684758372604847,
  "gsr_y": 0.06533605605363846,
  "provenance": {
    "md5sum": "d836f09bdf5ebcea66d6388744992906",
    "settings": {
      "fd_thres": 0.2,
      "testing": false
    },
    "software": "mriqc",
    "version": "22.0.6",
    "webapi_port": null,
    "webapi_url": "https://mriqc.nimh.nih.gov/api/v1"
  },
  "size_t": 9,
  "size_x": 64,
  "size_y": 64,
  "size_z": 48,
  "snr": 3.674102702345344,
  "spacing_tr": 3.0,
  "spacing_x": 3.4375,
  "spacing_y": 3.4375,
  "spacing_z": 3.399993896484375,
  "summary_bg_k": 16.338119865538243,
  "summary_bg_mad": 12.355022257999103,
  "summary_bg_mean": 149.39918518066406,
  "summary_bg_median": 36.4444465637207,
  "summary_bg_n": 128876.0,
  "summary_bg_p05": 25.0,
  "summary_bg_p95": 765.9166870117188,
  "summary_bg_stdv": 284.69708251953125,
  "summary_fg_k": 0.7237106619854838,
  "summary_fg_mad": 529.6183787298495,
  "summary_fg_mean": 2463.010986328125,
  "summary_fg_median": 2361.77783203125,
  "summary_fg_n": 29863.0,
  "summary_fg_p05": 1535.1333129882812,
  "summary_fg_p95": 3731.322143554687,
  "summary_fg_stdv": 642.8068237304688,
  "tsnr": 141.05672731995583
}