{
  "aor": 0.0016750251256281408,
  "aqi": 0.0027500401005025126,
  "bids_meta": {
    "AcquisitionMatrixPE": 64,
    "AcquisitionNumber": 1,
    "AcquisitionTime": "09:47:58.000000",
    "BodyPartExamined": "BRAIN",
    "CoilString": "32Ch Head",
    "ConversionSoftware": "dcm2niix",
    "ConversionSoftwareVersion": "v1.0.20211006",
    "Dcm2bidsVersion": "2.1.6",
    "DeviceSerialNumber": "000301496mr3T5mr",
    "EchoTime": 0.0169,
    "EffectiveEchoSpacing": 0.000416,
    "FlipAngle": 90,
    "ImageOrientationPatientDICOM": [
      1,
      0,
      0,
      0,
      1,
      0
    ],
    "ImageType": [
      "ORIGINAL",
      "PRIMARY",
      "OTHER"
    ],
    "ImagingFrequency": 127.824,
    "InPlanePhaseEncodingDirectionDICOM": "COL",
    "InstitutionName": "NIH FMRIF",
    "InternalPulseSequenceName": "EPI",
    "MRAcquisitionType": "2D",
    "MagneticFieldStrength": 3,
    "Manufacturer": "GE",
    "ManufacturersModelName": "DISCOVERY MR750",
    "Modality": "MR",
    "PatientPosition": "HFS",
    "PercentPhaseFOV": 100,
    "PercentSampling": 100,
    "PhaseEncodingDirection": "j",
    "PhaseEncodingPolarityGE": "Flipped",
    "PixelBandwidth": 7812.5,
    "ProcedureStepDescription": "MR BRAIN",
    "ProtocolName": "ADNI3 FMRIF Enhanced Pro",
    "PulseSequenceName": "epi",
    "ReconMatrixPE": 64,
    "RepetitionTime": 3,
    "SAR": 0.148194,
    "ScanOptions": "MP_GEMS\\EPI_GEMS\\PFF",
    "ScanningSequence": "EP\\GR",
    "SequenceVariant": "SS",
    "SeriesDescription": "Axial rsfMRI with Eyes Open - RKV",
    "SeriesNumber": 10,
    "SliceThickness": 3.4,
    "SliceTiming": [
      0,
      1.5,
      0.0625,
      1.5625,
      0.125,
      1.625,
      0.1875,
      1.6875,
      0.25,
      1.75,
      0.3125,
      1.8125,
      0.375,
      1.875,
      0.4375,
      1.9375,
      0.5,
      2,
      0.5625,
      2.0625,
      0.625,
      2.125,
      0.6875,
      2.1875,
      0.75,
      2.25,
      0.8125,
      2.3125,
      0.875,
      2.375,
      0.9375,
      2.4375,
      1,
      2.5,
      1.0625,
      2.5625,
      1.125,
      2.625,
      1.1875,
      2.6875,
      1.25,
      2.75,
      1.3125,
      2.8125,
      1.375,
      2.875,
      1.4375,
      2.9375
    ],
    "SoftwareVersions": "27\\LX\\MR Software release:DV26.0_R03_1831.b",
    "SpacingBetweenSlices": 3.4,
    "StationName": "FMRI3ta",
    "TaskName": "Resting state with eyes open.",
    "TotalReadoutTime": 0.026208,
    "TriggerDelayTime": 599938,
    "dataset": "ds004215",
    "modality": "bold",
    "session_id": "01",
    "subject_id": "ON98098",
    "task_id": "rest"
  },
  "dummy_trs": 1,
  "dvars_nstd": 13.061724354595965,
  "dvars_std": 1.2084901738888885,
  "dvars_vstd": 0.9824021920202024,
  "efc": 0.4545645664446981,
  "fber": 5333.96044921875,
  "fd_mean": 0.14541510770826616,
  "fd_num": 33,
  "fd_perc": 16.582914572864322,
  "fwhm_avg": 2.5850722405121345,
  "fwhm_x": 2.555848727272727,
  "fwhm_y": 2.4459898181818183,
  "fwhm_z": 2.753378176081859,
  "gcor": 0.0412752,
  "gsr_x": -0.009044592268764973,
  "gsr_y": 0.043802887201309204,
  "provenance": {
    "md5sum": "972b4367d485457876b74380f5b06b0d",
    "settings": {
      "fd_thres": 0.2,
      "testing": false
    },
    "software": "mriqc",
    "version": "22.0.6",
    "webapi_port": null,
    "webapi_url": "https://mriqc.nimh.nih.gov/api/v1"
  },
  "size_t": 199,
  "size_x": 64,
  "size_y": 64,
  "size_z": 48,
  "snr": 4.597584392234081,
  "spacing_tr": 3.0,
  "spacing_x": 3.4375,
  "spacing_y": 3.4375,
  "spacing_z": 3.4000015258789062,
  "summary_bg_k": 27.64581502669111,
  "summary_bg_mad": 9.081866119641958,
  "summary_bg_mean": 129.06344604492188,
  "summary_bg_median": 32.15577697753906,
  "summary_bg_n": 136424.0,
  "summary_bg_p05": 20.64824104309082,
  "summary_bg_p95": 688.7982513427734,
  "summary_bg_stdv": 264.2995300292969,
  "summary_fg_k": 1.7554894529844987,
  "summary_fg_mad": 455.7137710228626,
  "summary_fg_mean": 2432.42578125,
  "summary_fg_median": 2356.60546875,
  "summary_fg_n": 24558.0,
  "summary_fg_p05": 1748.1939880371094,
  "summary_fg_p95": 3373.3586791992184,
  "summary_fg_stdv": 512.5642700195312,
  "tsnr": 122.58286114223301
}