{
  "aor": 0.036860000000000004,
  "aqi": 0.0014563588888888888,
  "bids_meta": {
    "AcquisitionMatrixPE": 64,
    "AcquisitionNumber": 1,
    "AcquisitionTime": "10:02:8.000000",
    "BodyPartExamined": "BRAIN",
    "CoilString": "32Ch Head",
    "ConversionSoftware": "dcm2niix",
    "ConversionSoftwareVersion": "v1.0.20211006",
    "Dcm2bidsVersion": "2.1.6",
    "DeviceSerialNumber": "000301496mr3T5mr",
    "EchoTime": 0.0169,
    "EffectiveEchoSpacing": 0.000416,
    "FlipAngle": 90,
    "ImageOrientationPatientDICOM": [
      1,
      0,
      0,
      0,
      1,
      0
    ],
    "ImageType": [
      "ORIGINAL",
      "PRIMARY",
      "OTHER"
    ],
    "ImagingFrequency": 127.824,
    "InPlanePhaseEncodingDirectionDICOM": "COL",
    "InstitutionName": "NIH FMRIF",
    "InternalPulseSequenceName": "EPI",
    "MRAcquisitionType": "2D",
    "MagneticFieldStrength": 3,
    "Manufacturer": "GE",
    "ManufacturersModelName": "DISCOVERY MR750",
    "Modality": "MR",
    "PatientPosition": "HFS",
    "PercentPhaseFOV": 100,
    "PercentSampling": 100,
    "PhaseEncodingDirection": "j",
    "PhaseEncodingPolarityGE": "Flipped",
    "PixelBandwidth": 7812.5,
    "ProcedureStepDescription": "MRI Brain",
    "ProtocolName": "ADNI3 FMRIF Enhanced Pro",
    "PulseSequenceName": "epi",
    "ReconMatrixPE": 64,
    "RepetitionTime": 3,
    "SAR": 0.159388,
    "ScanOptions": "MP_GEMS\\EPI_GEMS\\PFF",
    "ScanningSequence": "EP\\GR",
    "SequenceVariant": "SS",
    "SeriesDescription": "Axial rsfMRI reverse blip - RKV",
    "SeriesNumber": 11,
    "SliceThickness": 3.4,
    "SliceTiming": [
      0,
      1.5,
      0.0625,
      1.5625,
      0.125,
      1.625,
      0.1875,
      1.6875,
      0.25,
      1.75,
      0.3125,
      1.8125,
      0.375,
      1.875,
      0.4375,
      1.9375,
      0.5,
      2,
      0.5625,
      2.0625,
      0.625,
      2.125,
      0.6875,
      2.1875,
      0.75,
      2.25,
      0.8125,
      2.3125,
      0.875,
      2.375,
      0.9375,
      2.4375,
      1,
      2.5,
      1.0625,
      2.5625,
      1.125,
      2.625,
      1.1875,
      2.6875,
      1.25,
      2.75,
      1.3125,
      2.8125,
      1.375,
      2.875,
      1.4375,
      2.9375
    ],
    "SoftwareVersions": "27\\LX\\MR Software release:DV26.0_R03_1831.b",
    "SpacingBetweenSlices": 3.4,
    "StationName": "FMRI3ta",
    "TaskName": "Resting state with reverse blip.",
    "TotalReadoutTime": 0.026208,
    "TriggerDelayTime": 29938,
    "dataset": "ds004215",
    "modality": "bold",
    "session_id": "01",
    "subject_id": "ON88614",
    "task_id": "rest"
  },
  "dummy_trs": 1,
  "dvars_nstd": 14.613039612500001,
  "dvars_std": 1.49016967375,
  "dvars_vstd": 1.44741740875,
  "efc": 0.4428030904402593,
  "fber": 5463.892578125,
  "fd_mean": 0.15251253261048692,
  "fd_num": 3,
  "fd_perc": 33.333333333333336,
  "fwhm_avg": 2.6016441810341635,
  "fwhm_x": 2.6411345454545456,
  "fwhm_y": 2.346466909090909,
  "fwhm_z": 2.8173310885570353,
  "gcor": 0.0416607,
  "gsr_x": 0.0008216076530516148,
  "gsr_y": 0.03072478249669075,
  "provenance": {
    "md5sum": "a66f4e8ea97fcb003c02aa714f559def",
    "settings": {
      "fd_thres": 0.2,
      "testing": false
    },
    "software": "mriqc",
    "version": "22.0.6",
    "webapi_port": null,
    "webapi_url": "https://mriqc.nimh.nih.gov/api/v1"
  },
  "size_t": 9,
  "size_x": 64,
  "size_y": 64,
  "size_z": 48,
  "snr": 4.545681889595431,
  "spacing_tr": 3.0,
  "spacing_x": 3.4375,
  "spacing_y": 3.4375,
  "spacing_z": 3.4000015258789062,
  "summary_bg_k": 29.089479135771022,
  "summary_bg_mad": 8.566147408183173,
  "summary_bg_mean": 109.74330139160156,
  "summary_bg_median": 31.88888931274414,
  "summary_bg_n": 136598.0,
  "summary_bg_p05": 23.77777862548828,
  "summary_bg_p95": 516.2388916015618,
  "summary_bg_stdv": 221.62998962402344,
  "summary_fg_k": 1.6187967977055946,
  "summary_fg_mad": 459.27730101338693,
  "summary_fg_mean": 2422.17626953125,
  "summary_fg_median": 2358.611328125,
  "summary_fg_n": 24546.0,
  "summary_fg_p05": 1677.1666564941406,
  "summary_fg_p95": 3354.6111450195312,
  "summary_fg_stdv": 518.8579711914062,
  "tsnr": 190.26797796785831
}