{
  "bids_meta": {
    "AcquisitionMatrixPE": 256,
    "AcquisitionNumber": 1,
    "AcquisitionTime": "16:25:8.000000",
    "BodyPartExamined": "BRAIN",
    "CoilString": "32Ch Head",
    "ConversionSoftware": "dcm2niix",
    "ConversionSoftwareVersion": "v1.0.20211006",
    "Dcm2bidsVersion": "2.1.6",
    "DeviceSerialNumber": "000301496MR3T6MR",
    "EchoTime": 0.066293,
    "EchoTrainLength": 140,
    "FlipAngle": 90,
    "ImageOrientationPatientDICOM": [
      0,
      1,
      0,
      0,
      0,
      -1
    ],
    "ImageType": [
      "ORIGINAL",
      "PRIMARY",
      "OTHER"
    ],
    "ImagingFrequency": 127.697,
    "InPlanePhaseEncodingDirectionDICOM": "ROW",
    "InstitutionName": "NIH FMRIF",
    "MRAcquisitionType": "3D",
    "MagneticFieldStrength": 3,
    "Manufacturer": "GE",
    "ManufacturersModelName": "DISCOVERY MR750",
    "Modality": "MR",
    "ParallelReductionFactorInPlane": 2,
    "ParallelReductionOutOfPlane": 1.5,
    "PatientPosition": "HFS",
    "PercentPhaseFOV": 100,
    "PercentSampling": 100,
    "PhaseEncodingAxis": "i",
    "PixelBandwidth": 244.141,
    "ProcedureStepDescription": "MRI Brain",
    "ProtocolName": "ADNI3 FMRIF Enhanced Pro",
    "ReconMatrixPE": 256,
    "RepetitionTime": 3.202,
    "SAR": 0.4392,
    "ScanOptions": "SAT_GEMS\\EDR_GEMS\\PROMO_GEMS\\FILTERED_GEMS\\ACC_GEMS\\FS\\FR_GEMS",
    "ScanningSequence": "RM",
    "SequenceVariant": "NONE",
    "SeriesDescription": "Anat T2w CUBE (ABCD)",
    "SeriesNumber": 4,
    "SliceThickness": 1,
    "SoftwareVersions": "27\\LX\\MR Software release:DV26.0_R03_1831.b",
    "SpacingBetweenSlices": 1,
    "StationName": "FMRI3tb",
    "acq_id": "CUBE",
    "dataset": "ds004215",
    "modality": "T2w",
    "rec_id": "SCIC",
    "session_id": "01",
    "subject_id": "ON23776"
  },
  "cjv": 0.4984063113579923,
  "cnr": 1.3806185943559421,
  "efc": 0.41949329910857297,
  "fber": 6268.736910671369,
  "fwhm_avg": 2.29647,
  "fwhm_x": 1.9404,
  "fwhm_y": 2.59853,
  "fwhm_z": 2.35048,
  "icvs_csf": 0.26157444847086486,
  "icvs_gm": 0.2308729551856782,
  "icvs_wm": 0.507552596343457,
  "inu_med": 0.8030939400196075,
  "inu_range": 0.15999630093574524,
  "provenance": {
    "md5sum": "477596945236e63e23f9f0c532ab95d5",
    "settings": {
      "testing": false
    },
    "software": "mriqc",
    "version": "22.0.6",
    "warnings": {
      "large_rot_frame": true,
      "small_air_mask": false
    },
    "webapi_port": null,
    "webapi_url": "https://mriqc.nimh.nih.gov/api/v1"
  },
  "qi_1": 0.0,
  "qi_2": 0.006049732043373172,
  "rpve_csf": 23.209651340210883,
  "rpve_gm": 34.39695520755963,
  "rpve_wm": 15.046212624396114,
  "size_x": 204,
  "size_y": 256,
  "size_z": 256,
  "snr_csf": 11.467248864883164,
  "snr_gm": 2.1985558952001787,
  "snr_total": 8.319401538633887,
  "snr_wm": 11.292399855818317,
  "snrd_csf": 59.39659629943647,
  "snrd_gm": 113.55277361997015,
  "snrd_total": 71.6686509138726,
  "snrd_wm": 42.05658282221117,
  "spacing_x": 1.0,
  "spacing_y": 1.0,
  "spacing_z": 1.0,
  "summary_bg_k": 226.73793050238638,
  "summary_bg_mad": 15.57832218084558,
  "summary_bg_mean": 11.615655633828256,
  "summary_bg_median": 10.771424129605293,
  "summary_bg_n": 3258116.0,
  "summary_bg_p05": 0.0,
  "summary_bg_p95": 31.786261402070522,
  "summary_bg_stdv": 13.418458118108015,
  "summary_csf_k": 0.6561963224369958,
  "summary_csf_mad": 117.11140694746226,
  "summary_csf_mean": 1414.7884250475024,
  "summary_csf_median": 1412.3765884451568,
  "summary_csf_n": 11765.0,
  "summary_csf_p05": 1221.2471714630724,
  "summary_csf_p95": 1621.1204519450664,
  "summary_csf_stdv": 123.16088883273808,
  "summary_gm_k": -1.3610581551363612,
  "summary_gm_mad": 758.6408052993695,
  "summary_gm_mean": 2043.9399908127057,
  "summary_gm_median": 2700.1425840184093,
  "summary_gm_n": 72099.0,
  "summary_gm_p05": 85.2684942495078,
  "summary_gm_p95": 3291.6732924692333,
  "summary_gm_stdv": 1228.135188468645,
  "summary_wm_k": 0.07352003783929018,
  "summary_wm_mad": 88.69466849697508,
  "summary_wm_mean": 1001.6238496053438,
  "summary_wm_median": 1000.0528088957071,
  "summary_wm_n": 178310.0,
  "summary_wm_p05": 858.3346600532532,
  "summary_wm_p95": 1148.7935038618743,
  "summary_wm_stdv": 88.55956372490796,
  "tpm_overlap_csf": 0.10077337395446806,
  "tpm_overlap_gm": 0.12005511749030577,
  "tpm_overlap_wm": 0.4633093836587505,
  "wm2max": 0.3048054330683318
}