{
  "bids_meta": {
    "AcquisitionMatrixPE": 256,
    "AcquisitionNumber": 1,
    "AcquisitionTime": "16:18:32.000000",
    "BodyPartExamined": "BRAIN",
    "CoilString": "32Ch Head",
    "ConversionSoftware": "dcm2niix",
    "ConversionSoftwareVersion": "v1.0.20211006",
    "Dcm2bidsVersion": "2.1.6",
    "DeviceSerialNumber": "000301496MR3T6MR",
    "EchoTime": 0.00292,
    "FlipAngle": 8,
    "ImageOrientationPatientDICOM": [
      0,
      1,
      0,
      0,
      0,
      -1
    ],
    "ImageType": [
      "ORIGINAL",
      "PRIMARY",
      "OTHER"
    ],
    "ImagingFrequency": 127.697,
    "InPlanePhaseEncodingDirectionDICOM": "ROW",
    "InstitutionName": "NIH FMRIF",
    "InversionTime": 1.06,
    "MRAcquisitionType": "3D",
    "MagneticFieldStrength": 3,
    "Manufacturer": "GE",
    "ManufacturersModelName": "DISCOVERY MR750",
    "Modality": "MR",
    "ParallelReductionFactorInPlane": 2,
    "ParallelReductionOutOfPlane": 2,
    "PatientPosition": "HFS",
    "PercentPhaseFOV": 100,
    "PercentSampling": 100,
    "PixelBandwidth": 244.141,
    "ProcedureStepDescription": "MRI Brain",
    "ProtocolName": "ADNI3 FMRIF Enhanced Pro",
    "ReconMatrixPE": 256,
    "RepetitionTime": 0.006952,
    "SAR": 0.112755,
    "ScanOptions": "EDR_GEMS\\PROMO_GEMS\\ACC_GEMS\\IR_GEMS",
    "ScanningSequence": "RM",
    "SequenceVariant": "NONE",
    "SeriesDescription": "ORIG Anat T1w MP-RAGE 1mm (ABCD)",
    "SeriesNumber": 40003,
    "SliceThickness": 1,
    "SoftwareVersions": "27\\LX\\MR Software release:DV26.0_R03_1831.b",
    "SpacingBetweenSlices": 1,
    "StationName": "FMRI3tb",
    "acq_id": "MPRAGE",
    "dataset": "ds004215",
    "modality": "T1w",
    "session_id": "01",
    "subject_id": "ON23776"
  },
  "cjv": 0.35887759946985953,
  "cnr": 3.732098707729956,
  "efc": 0.41590044196384857,
  "fber": 5523.845993756504,
  "fwhm_avg": 3.7598533333333335,
  "fwhm_x": 3.71934,
  "fwhm_y": 3.94726,
  "fwhm_z": 3.61296,
  "icvs_csf": 0.24708452395885944,
  "icvs_gm": 0.4178936702740829,
  "icvs_wm": 0.3350218057670577,
  "inu_med": 0.8493865728378296,
  "inu_range": 0.40831285119056704,
  "provenance": {
    "md5sum": "bd0d8d3b6d16b96fd14f0514f78b706d",
    "settings": {
      "testing": false
    },
    "software": "mriqc",
    "version": "22.0.6",
    "warnings": {
      "large_rot_frame": true,
      "small_air_mask": false
    },
    "webapi_port": null,
    "webapi_url": "https://mriqc.nimh.nih.gov/api/v1"
  },
  "qi_1": 0.0,
  "qi_2": 0.0015831378276836025,
  "rpve_csf": 29.044637904633408,
  "rpve_gm": 16.80472965316458,
  "rpve_wm": 23.949812478811165,
  "size_x": 208,
  "size_y": 256,
  "size_z": 256,
  "snr_csf": 1.1678435648939196,
  "snr_gm": 7.896233820620102,
  "snr_total": 9.191063149361932,
  "snr_wm": 18.509112062571777,
  "snrd_csf": 6.887423051643884,
  "snrd_gm": 34.78764727657884,
  "snrd_total": 32.13139353745523,
  "snrd_wm": 54.71911028414297,
  "spacing_x": 1.0,
  "spacing_y": 1.0,
  "spacing_z": 1.0,
  "summary_bg_k": 1.5837461520901623,
  "summary_bg_mad": 11.972716852008086,
  "summary_bg_mean": 11.76162761220652,
  "summary_bg_median": 8.075474798679352,
  "summary_bg_n": 4444069.0,
  "summary_bg_p05": 0.0,
  "summary_bg_p95": 33.388982340693474,
  "summary_bg_stdv": 11.165069267187054,
  "summary_csf_k": 0.9245589402332346,
  "summary_csf_mad": 84.03926251890292,
  "summary_csf_mean": 157.522154951013,
  "summary_csf_median": 125.86869854480028,
  "summary_csf_n": 47873.0,
  "summary_csf_p05": 34.39841669052839,
  "summary_csf_p95": 381.62053839489823,
  "summary_csf_stdv": 107.77760627456246,
  "summary_gm_k": -0.01214772382555962,
  "summary_gm_mad": 80.5280330574967,
  "summary_gm_mean": 636.7293049993921,
  "summary_gm_median": 635.7495184056461,
  "summary_gm_n": 20807.0,
  "summary_gm_p05": 505.25683405064046,
  "summary_gm_p95": 770.8584236912429,
  "summary_gm_stdv": 80.51107089344139,
  "summary_wm_k": 1.076127645071388,
  "summary_wm_mad": 50.19331295649544,
  "summary_wm_mean": 998.9766191601186,
  "summary_wm_median": 1000.0000211037695,
  "summary_wm_n": 162404.0,
  "summary_wm_p05": 909.500349201262,
  "summary_wm_p95": 1083.5501257516444,
  "summary_wm_stdv": 54.02727796862861,
  "tpm_overlap_csf": 0.14950215191570496,
  "tpm_overlap_gm": 0.4733044267275717,
  "tpm_overlap_wm": 0.5208058613080409,
  "wm2max": 0.4695213095628714
}