{
  "bids_meta": {
    "AcquisitionMatrixPE": 256,
    "AcquisitionNumber": 1,
    "AcquisitionTime": "14:09:15.000000",
    "BodyPartExamined": "BRAIN",
    "CoilString": "32Ch Head",
    "ConversionSoftware": "dcm2niix",
    "ConversionSoftwareVersion": "v1.0.20211006",
    "Dcm2bidsVersion": "2.1.6",
    "DeviceSerialNumber": "000301496MR3T6MR",
    "EchoTime": 0.066898,
    "EchoTrainLength": 140,
    "FlipAngle": 90,
    "ImageOrientationPatientDICOM": [
      0,
      1,
      0,
      0,
      0,
      -1
    ],
    "ImageType": [
      "ORIGINAL",
      "PRIMARY",
      "OTHER"
    ],
    "ImagingFrequency": 127.697,
    "InPlanePhaseEncodingDirectionDICOM": "ROW",
    "InstitutionName": "NIH FMRIF",
    "MRAcquisitionType": "3D",
    "MagneticFieldStrength": 3,
    "Manufacturer": "GE",
    "ManufacturersModelName": "DISCOVERY MR750",
    "Modality": "MR",
    "ParallelReductionFactorInPlane": 2,
    "ParallelReductionOutOfPlane": 1.5,
    "PatientPosition": "HFS",
    "PercentPhaseFOV": 100,
    "PercentSampling": 100,
    "PhaseEncodingAxis": "i",
    "PixelBandwidth": 244.141,
    "ProcedureStepDescription": "MRI Brain",
    "ProtocolName": "ADNI3 FMRIF Enhanced Pro",
    "ReconMatrixPE": 256,
    "RepetitionTime": 3.202,
    "SAR": 0.417,
    "ScanOptions": "SAT_GEMS\\EDR_GEMS\\PROMO_GEMS\\ACC_GEMS\\FS\\FR_GEMS",
    "ScanningSequence": "RM",
    "SequenceVariant": "NONE",
    "SeriesDescription": "Sag_CUBE_T2",
    "SeriesNumber": 4,
    "SliceThickness": 1,
    "SoftwareVersions": "27\\LX\\MR Software release:DV26.0_R01_1725.a",
    "SpacingBetweenSlices": 1,
    "StationName": "fmrif3tb",
    "acq_id": "CUBE",
    "dataset": "ds004215",
    "modality": "T2w",
    "session_id": "01",
    "subject_id": "ON31551"
  },
  "cjv": 0.4855415994341378,
  "cnr": 2.696275671076195,
  "efc": 0.5120893790631382,
  "fber": 1021.7942925089179,
  "fwhm_avg": 2.776173333333333,
  "fwhm_x": 2.29261,
  "fwhm_y": 3.11067,
  "fwhm_z": 2.92524,
  "icvs_csf": 0.16021976027716922,
  "icvs_gm": 0.3646633840990409,
  "icvs_wm": 0.47511685562378986,
  "inu_med": 0.9719636738300323,
  "inu_range": 0.7487427443265915,
  "provenance": {
    "md5sum": "7a558eae05d510fb7414228f6e56ae76",
    "settings": {
      "testing": false
    },
    "software": "mriqc",
    "version": "22.0.6",
    "warnings": {
      "large_rot_frame": true,
      "small_air_mask": false
    },
    "webapi_port": null,
    "webapi_url": "https://mriqc.nimh.nih.gov/api/v1"
  },
  "qi_1": 0.003122985785869214,
  "qi_2": 0.0037095595002684476,
  "rpve_csf": 30.82922114153549,
  "rpve_gm": 11.628568800539858,
  "rpve_wm": 10.3637308355029,
  "size_x": 204,
  "size_y": 256,
  "size_z": 256,
  "snr_csf": 1.9314092875460358,
  "snr_gm": 10.666787516582982,
  "snr_total": 7.165459833057798,
  "snr_wm": 8.898182695044374,
  "snrd_csf": 94.9893191875399,
  "snrd_gm": 51.55111543101324,
  "snrd_total": 60.14062255281278,
  "snrd_wm": 33.8814330398852,
  "spacing_x": 1.0,
  "spacing_y": 1.0,
  "spacing_z": 1.0,
  "summary_bg_k": 0.9645748869081854,
  "summary_bg_mad": 19.33614805642532,
  "summary_bg_mean": 52.373206315797496,
  "summary_bg_median": 13.042033672332764,
  "summary_bg_n": 4209309.0,
  "summary_bg_p05": 0.0,
  "summary_bg_p95": 184.00066614151,
  "summary_bg_stdv": 66.60425483028949,
  "summary_csf_k": -1.1938417033916495,
  "summary_csf_mad": 1487.5902184683644,
  "summary_csf_mean": 2387.390678141421,
  "summary_csf_median": 2803.5803530216217,
  "summary_csf_n": 52628.0,
  "summary_csf_p05": 186.57584476470947,
  "summary_csf_p95": 4509.607116293907,
  "summary_csf_stdv": 1451.558577018429,
  "summary_gm_k": 0.22270324784529816,
  "summary_gm_mad": 139.78680282829768,
  "summary_gm_mean": 1527.139284895312,
  "summary_gm_median": 1521.515214920044,
  "summary_gm_n": 30308.0,
  "summary_gm_p05": 1300.7434901475906,
  "summary_gm_p95": 1768.7863584280012,
  "summary_gm_stdv": 142.638082127644,
  "summary_wm_k": 0.013048679773264737,
  "summary_wm_mad": 113.43052458578164,
  "summary_wm_mean": 1002.2913199247329,
  "summary_wm_median": 1000.0000085830688,
  "summary_wm_n": 232798.0,
  "summary_wm_p05": 822.2171527624131,
  "summary_wm_p95": 1189.981734752655,
  "summary_wm_stdv": 112.3822577112171,
  "tpm_overlap_csf": 0.1483104340659933,
  "tpm_overlap_gm": 0.37892592553213433,
  "tpm_overlap_wm": 0.4377747297123237,
  "wm2max": 0.2321025739901668
}