{
  "bids_meta": {
    "AcquisitionMatrixPE": 256,
    "AcquisitionNumber": 1,
    "AcquisitionTime": "14:03:19.000000",
    "BodyPartExamined": "BRAIN",
    "CoilString": "32Ch Head",
    "ConversionSoftware": "dcm2niix",
    "ConversionSoftwareVersion": "v1.0.20211006",
    "Dcm2bidsVersion": "2.1.6",
    "DeviceSerialNumber": "000301496MR3T6MR",
    "EchoTime": 0.003036,
    "FlipAngle": 11,
    "ImageOrientationPatientDICOM": [
      0,
      1,
      0,
      0,
      0,
      -1
    ],
    "ImageType": [
      "ORIGINAL",
      "PRIMARY",
      "OTHER"
    ],
    "ImagingFrequency": 127.697,
    "InPlanePhaseEncodingDirectionDICOM": "ROW",
    "InstitutionName": "NIH FMRIF",
    "InversionTime": 0.4,
    "MRAcquisitionType": "3D",
    "MagneticFieldStrength": 3,
    "Manufacturer": "GE",
    "ManufacturersModelName": "DISCOVERY MR750",
    "Modality": "MR",
    "ParallelReductionFactorInPlane": 1.72974,
    "PatientPosition": "HFS",
    "PercentPhaseFOV": 100,
    "PercentSampling": 100,
    "PixelBandwidth": 244.141,
    "ProcedureStepDescription": "MRI Brain",
    "ProtocolName": "ADNI3 FMRIF Enhanced Pro",
    "ReconMatrixPE": 256,
    "RepetitionTime": 0.007348,
    "SAR": 0.197497,
    "ScanOptions": "FAST_GEMS\\EDR_GEMS\\FILTERED_GEMS\\ACC_GEMS\\IR_GEMS",
    "ScanningSequence": "GR",
    "SequenceVariant": "SS\\SP\\SK",
    "SeriesDescription": "Accelerated Sagittal IR-FSPGR",
    "SeriesNumber": 3,
    "SliceThickness": 1.2,
    "SoftwareVersions": "27\\LX\\MR Software release:DV26.0_R01_1725.a",
    "SpacingBetweenSlices": 1.2,
    "SpoilingState": true,
    "StationName": "fmrif3tb",
    "acq_id": "FSPGR",
    "dataset": "ds004215",
    "modality": "T1w",
    "rec_id": "SCIC",
    "session_id": "01",
    "subject_id": "ON31551"
  },
  "cjv": 0.38587351389074875,
  "cnr": 3.4452752955756623,
  "efc": 0.6464507279838828,
  "fber": -1.0,
  "fwhm_avg": 3.5957550633064224,
  "fwhm_x": 3.28710412735954,
  "fwhm_y": 3.9788375201077373,
  "fwhm_z": 3.5213235424519906,
  "icvs_csf": 0.20007956741531704,
  "icvs_gm": 0.40769349113955283,
  "icvs_wm": 0.3922269414451301,
  "inu_med": 0.6586446166038513,
  "inu_range": 0.20507055521011353,
  "provenance": {
    "md5sum": "493a8a970970b6d7cd579ea743c374ca",
    "settings": {
      "testing": false
    },
    "software": "mriqc",
    "version": "22.0.6",
    "warnings": {
      "large_rot_frame": true,
      "small_air_mask": false
    },
    "webapi_port": null,
    "webapi_url": "https://mriqc.nimh.nih.gov/api/v1"
  },
  "qi_1": 0.0,
  "qi_2": 0.001400397609131434,
  "rpve_csf": 26.46501233173616,
  "rpve_gm": 13.394377747162633,
  "rpve_wm": 17.08456678591567,
  "size_x": 196,
  "size_y": 256,
  "size_z": 256,
  "snr_csf": 2.04425762777668,
  "snr_gm": 9.335673311776965,
  "snr_total": 9.15137371509745,
  "snr_wm": 16.074190205738702,
  "snrd_csf": 8.80549625218696,
  "snrd_gm": 25.46140668925999,
  "snrd_total": 24.127415333875195,
  "snrd_wm": 38.11534306017863,
  "spacing_x": 1.2000045776367188,
  "spacing_y": 1.0547000169754028,
  "spacing_z": 1.0547000169754028,
  "summary_bg_k": 18.083057189842727,
  "summary_bg_mad": 0.0,
  "summary_bg_mean": 9.191870526613181,
  "summary_bg_median": 0.0,
  "summary_bg_n": 1247402.0,
  "summary_bg_p05": 0.0,
  "summary_bg_p95": 43.00465251132846,
  "summary_bg_stdv": 17.188259421657115,
  "summary_csf_k": 6.7503840113056786,
  "summary_csf_mad": 96.95598370824109,
  "summary_csf_mean": 242.56345335551242,
  "summary_csf_median": 231.0223549157381,
  "summary_csf_n": 22798.0,
  "summary_csf_p05": 79.80067379157991,
  "summary_csf_p95": 442.64722870532415,
  "summary_csf_stdv": 113.00791299346453,
  "summary_gm_k": 0.056094798654157785,
  "summary_gm_mad": 70.85244963294541,
  "summary_gm_mean": 665.508780603242,
  "summary_gm_median": 668.0093846339732,
  "summary_gm_n": 18798.0,
  "summary_gm_p05": 543.4225991109386,
  "summary_gm_p95": 778.6281682463361,
  "summary_gm_stdv": 71.55259122635862,
  "summary_wm_k": 1.198542793994525,
  "summary_wm_mad": 57.25393832626614,
  "summary_wm_mean": 1004.1943456331303,
  "summary_wm_median": 1000.000006813556,
  "summary_wm_n": 229125.0,
  "summary_wm_p05": 910.5109937600791,
  "summary_wm_p95": 1112.0314762406051,
  "summary_wm_stdv": 62.21139676692386,
  "tpm_overlap_csf": 0.15796591533195373,
  "tpm_overlap_gm": 0.4347339526570349,
  "tpm_overlap_wm": 0.49235436512028175,
  "wm2max": 0.47699311937560485
}