{
  "aor": 0.002048994974874372,
  "aqi": 0.0010923392763819094,
  "bids_meta": {
    "AcquisitionMatrixPE": 64,
    "AcquisitionNumber": 1,
    "AcquisitionTime": "15:46:55.000000",
    "BodyPartExamined": "BRAIN",
    "CoilString": "32Ch Head",
    "ConversionSoftware": "dcm2niix",
    "ConversionSoftwareVersion": "v1.0.20211006",
    "Dcm2bidsVersion": "2.1.6",
    "DeviceSerialNumber": "000301496MR3T6MR",
    "EchoTime": 0.0169,
    "EffectiveEchoSpacing": 0.000416,
    "FlipAngle": 90,
    "ImageOrientationPatientDICOM": [
      1,
      0,
      0,
      0,
      1,
      0
    ],
    "ImageType": [
      "ORIGINAL",
      "PRIMARY",
      "OTHER"
    ],
    "ImagingFrequency": 127.697,
    "InPlanePhaseEncodingDirectionDICOM": "COL",
    "InstitutionName": "NIH FMRIF",
    "InternalPulseSequenceName": "EPI",
    "MRAcquisitionType": "2D",
    "MagneticFieldStrength": 3,
    "Manufacturer": "GE",
    "ManufacturersModelName": "DISCOVERY MR750",
    "Modality": "MR",
    "PatientPosition": "HFS",
    "PercentPhaseFOV": 100,
    "PercentSampling": 100,
    "PhaseEncodingDirection": "j",
    "PhaseEncodingPolarityGE": "Flipped",
    "PixelBandwidth": 7812.5,
    "ProcedureStepDescription": "MRI Brain",
    "ProtocolName": "ADNI3 FMRIF Enhanced Pro",
    "PulseSequenceName": "epi",
    "ReconMatrixPE": 64,
    "RepetitionTime": 3,
    "SAR": 0.162022,
    "ScanOptions": "MP_GEMS\\EPI_GEMS\\PFF",
    "ScanningSequence": "EP\\GR",
    "SequenceVariant": "SS",
    "SeriesDescription": "Axial rsfMRI with Eyes Open - RKV",
    "SeriesNumber": 10,
    "SliceThickness": 3.4,
    "SliceTiming": [
      0,
      1.5,
      0.0625,
      1.5625,
      0.125,
      1.625,
      0.1875,
      1.6875,
      0.25,
      1.75,
      0.3125,
      1.8125,
      0.375,
      1.875,
      0.4375,
      1.9375,
      0.5,
      2,
      0.5625,
      2.0625,
      0.625,
      2.125,
      0.6875,
      2.1875,
      0.75,
      2.25,
      0.8125,
      2.3125,
      0.875,
      2.375,
      0.9375,
      2.4375,
      1,
      2.5,
      1.0625,
      2.5625,
      1.125,
      2.625,
      1.1875,
      2.6875,
      1.25,
      2.75,
      1.3125,
      2.8125,
      1.375,
      2.875,
      1.4375,
      2.9375
    ],
    "SoftwareVersions": "27\\LX\\MR Software release:DV26.0_R01_1725.a",
    "SpacingBetweenSlices": 3.4,
    "StationName": "fmrif3tb",
    "TaskName": "Resting state with eyes open.",
    "TotalReadoutTime": 0.026208,
    "TriggerDelayTime": 599938,
    "dataset": "ds004215",
    "modality": "bold",
    "session_id": "01",
    "subject_id": "ON21834",
    "task_id": "rest"
  },
  "dummy_trs": 1,
  "dvars_nstd": 8.161672666767673,
  "dvars_std": 1.107889371262626,
  "dvars_vstd": 0.9646276530808078,
  "efc": 0.45704136563862435,
  "fber": 5785.18359375,
  "fd_mean": 0.04206296911081444,
  "fd_num": 1,
  "fd_perc": 0.5025125628140703,
  "fwhm_avg": 2.5485481077076906,
  "fwhm_x": 2.522490181818182,
  "fwhm_y": 2.3637789090909087,
  "fwhm_z": 2.759375232213982,
  "gcor": 0.0356372,
  "gsr_x": -0.009043258614838123,
  "gsr_y": 0.02819705940783024,
  "provenance": {
    "md5sum": "789c7dae8614b15deae3af081c955a07",
    "settings": {
      "fd_thres": 0.2,
      "testing": false
    },
    "software": "mriqc",
    "version": "22.0.6",
    "webapi_port": null,
    "webapi_url": "https://mriqc.nimh.nih.gov/api/v1"
  },
  "size_t": 199,
  "size_x": 64,
  "size_y": 64,
  "size_z": 48,
  "snr": 4.434831599075446,
  "spacing_tr": 3.0,
  "spacing_x": 3.4375,
  "spacing_y": 3.4375,
  "spacing_z": 3.4000015258789062,
  "summary_bg_k": 20.853243621259292,
  "summary_bg_mad": 8.761505859384117,
  "summary_bg_mean": 118.94053649902344,
  "summary_bg_median": 33.090450286865234,
  "summary_bg_n": 133960.0,
  "summary_bg_p05": 24.557788848876953,
  "summary_bg_p95": 599.3763488769521,
  "summary_bg_stdv": 227.73451232910156,
  "summary_fg_k": 1.447626250609746,
  "summary_fg_mad": 503.47376001826274,
  "summary_fg_mean": 2562.224609375,
  "summary_fg_median": 2495.97216796875,
  "summary_fg_n": 26648.0,
  "summary_fg_p05": 1744.5339294433593,
  "summary_fg_p95": 3551.7250122070313,
  "summary_fg_stdv": 562.8004760742188,
  "tsnr": 145.388842234388
}