{
  "aor": 0.03710111111111111,
  "aqi": 0.0005693566666666667,
  "bids_meta": {
    "AcquisitionMatrixPE": 64,
    "AcquisitionNumber": 1,
    "AcquisitionTime": "15:57:32.000000",
    "BodyPartExamined": "BRAIN",
    "CoilString": "32Ch Head",
    "ConversionSoftware": "dcm2niix",
    "ConversionSoftwareVersion": "v1.0.20211006",
    "Dcm2bidsVersion": "2.1.6",
    "DeviceSerialNumber": "000301496MR3T6MR",
    "EchoTime": 0.0169,
    "EffectiveEchoSpacing": 0.000416,
    "FlipAngle": 90,
    "ImageOrientationPatientDICOM": [
      1,
      0,
      0,
      0,
      1,
      0
    ],
    "ImageType": [
      "ORIGINAL",
      "PRIMARY",
      "OTHER"
    ],
    "ImagingFrequency": 127.697,
    "InPlanePhaseEncodingDirectionDICOM": "COL",
    "InstitutionName": "NIH FMRIF",
    "InternalPulseSequenceName": "EPI",
    "MRAcquisitionType": "2D",
    "MagneticFieldStrength": 3,
    "Manufacturer": "GE",
    "ManufacturersModelName": "DISCOVERY MR750",
    "Modality": "MR",
    "PatientPosition": "HFS",
    "PercentPhaseFOV": 100,
    "PercentSampling": 100,
    "PhaseEncodingDirection": "j-",
    "PhaseEncodingPolarityGE": "Unflipped",
    "PixelBandwidth": 7812.5,
    "ProcedureStepDescription": "MRI Brain",
    "ProtocolName": "ADNI3 FMRIF Enhanced Pro",
    "PulseSequenceName": "epi",
    "ReconMatrixPE": 64,
    "RepetitionTime": 3,
    "SAR": 0.162022,
    "ScanOptions": "MP_GEMS\\EPI_GEMS\\PFF",
    "ScanningSequence": "EP\\GR",
    "SequenceVariant": "SS",
    "SeriesDescription": "Axial rsfMRI reverse blip - RKV",
    "SeriesNumber": 11,
    "SliceThickness": 3.4,
    "SliceTiming": [
      0,
      1.5,
      0.0625,
      1.5625,
      0.125,
      1.625,
      0.1875,
      1.6875,
      0.25,
      1.75,
      0.3125,
      1.8125,
      0.375,
      1.875,
      0.4375,
      1.9375,
      0.5,
      2,
      0.5625,
      2.0625,
      0.625,
      2.125,
      0.6875,
      2.1875,
      0.75,
      2.25,
      0.8125,
      2.3125,
      0.875,
      2.375,
      0.9375,
      2.4375,
      1,
      2.5,
      1.0625,
      2.5625,
      1.125,
      2.625,
      1.1875,
      2.6875,
      1.25,
      2.75,
      1.3125,
      2.8125,
      1.375,
      2.875,
      1.4375,
      2.9375
    ],
    "SoftwareVersions": "27\\LX\\MR Software release:DV26.0_R01_1725.a",
    "SpacingBetweenSlices": 3.4,
    "StationName": "fmrif3tb",
    "TaskName": "Resting state with reverse blip.",
    "TotalReadoutTime": 0.026208,
    "TriggerDelayTime": 29938,
    "dataset": "ds004215",
    "modality": "bold",
    "session_id": "01",
    "subject_id": "ON21834",
    "task_id": "rest"
  },
  "dummy_trs": 1,
  "dvars_nstd": 10.004653335,
  "dvars_std": 1.3512962025,
  "dvars_vstd": 1.40964882125,
  "efc": 0.4594286332621993,
  "fber": 5903.89501953125,
  "fd_mean": 0.05787091696055778,
  "fd_num": 0,
  "fd_perc": 0.0,
  "fwhm_avg": 2.4009564748133196,
  "fwhm_x": 2.3676043636363637,
  "fwhm_y": 2.289730909090909,
  "fwhm_z": 2.5455341517126864,
  "gcor": 0.0308862,
  "gsr_x": -0.010070184245705605,
  "gsr_y": 0.035090427845716476,
  "provenance": {
    "md5sum": "ac0170991078bcc84ef9be48c7c30f11",
    "settings": {
      "fd_thres": 0.2,
      "testing": false
    },
    "software": "mriqc",
    "version": "22.0.6",
    "webapi_port": null,
    "webapi_url": "https://mriqc.nimh.nih.gov/api/v1"
  },
  "size_t": 9,
  "size_x": 64,
  "size_y": 64,
  "size_z": 48,
  "snr": 5.0875863297875705,
  "spacing_tr": 3.0,
  "spacing_x": 3.4375,
  "spacing_y": 3.4375,
  "spacing_z": 3.4000015258789062,
  "summary_bg_k": 17.34884446466822,
  "summary_bg_mad": 8.401414456757953,
  "summary_bg_mean": 115.47704315185547,
  "summary_bg_median": 32.66666793823242,
  "summary_bg_n": 133433.0,
  "summary_bg_p05": 24.44444465637207,
  "summary_bg_p95": 587.5999999999993,
  "summary_bg_stdv": 220.6035919189453,
  "summary_fg_k": 0.7227017991661682,
  "summary_fg_mad": 443.79214341819943,
  "summary_fg_mean": 2566.493408203125,
  "summary_fg_median": 2506.77783203125,
  "summary_fg_n": 26949.0,
  "summary_fg_p05": 1837.5999755859375,
  "summary_fg_p95": 3448.8000488281245,
  "summary_fg_stdv": 492.7152404785156,
  "tsnr": 217.0021250899881
}