{
  "aor": 0.09223222222222224,
  "aqi": 0.004353407333333333,
  "bids_meta": {
    "AcquisitionMatrixPE": 64,
    "AcquisitionNumber": 1,
    "AcquisitionTime": "15:11:55.000000",
    "BodyPartExamined": "BRAIN",
    "CoilString": "32Ch Head",
    "ConversionSoftware": "dcm2niix",
    "ConversionSoftwareVersion": "v1.0.20211006",
    "Dcm2bidsVersion": "2.1.6",
    "DeviceSerialNumber": "000301496MR3T6MR",
    "EchoTime": 0.0169,
    "EffectiveEchoSpacing": 0.000416,
    "FlipAngle": 90,
    "ImageOrientationPatientDICOM": [
      1,
      0,
      0,
      0,
      1,
      0
    ],
    "ImageType": [
      "ORIGINAL",
      "PRIMARY",
      "OTHER"
    ],
    "ImagingFrequency": 127.697,
    "InPlanePhaseEncodingDirectionDICOM": "COL",
    "InstitutionName": "NIH FMRIF",
    "InternalPulseSequenceName": "EPI",
    "MRAcquisitionType": "2D",
    "MagneticFieldStrength": 3,
    "Manufacturer": "GE",
    "ManufacturersModelName": "DISCOVERY MR750",
    "Modality": "MR",
    "PatientPosition": "HFS",
    "PercentPhaseFOV": 100,
    "PercentSampling": 100,
    "PhaseEncodingDirection": "j-",
    "PhaseEncodingPolarityGE": "Unflipped",
    "PixelBandwidth": 7812.5,
    "ProcedureStepDescription": "MRI Brain",
    "ProtocolName": "ADNI3 FMRIF Enhanced Pro",
    "PulseSequenceName": "epi",
    "ReconMatrixPE": 64,
    "RepetitionTime": 3,
    "SAR": 0.203938,
    "ScanOptions": "MP_GEMS\\EPI_GEMS\\PFF",
    "ScanningSequence": "EP\\GR",
    "SequenceVariant": "SS",
    "SeriesDescription": "Axial rsfMRI reverse blip - RKV",
    "SeriesNumber": 12,
    "SliceThickness": 3.4,
    "SliceTiming": [
      0,
      1.5,
      0.0625,
      1.5625,
      0.125,
      1.625,
      0.1875,
      1.6875,
      0.25,
      1.75,
      0.3125,
      1.8125,
      0.375,
      1.875,
      0.4375,
      1.9375,
      0.5,
      2,
      0.5625,
      2.0625,
      0.625,
      2.125,
      0.6875,
      2.1875,
      0.75,
      2.25,
      0.8125,
      2.3125,
      0.875,
      2.375,
      0.9375,
      2.4375,
      1,
      2.5,
      1.0625,
      2.5625,
      1.125,
      2.625,
      1.1875,
      2.6875,
      1.25,
      2.75,
      1.3125,
      2.8125,
      1.375,
      2.875,
      1.4375,
      2.9375
    ],
    "SoftwareVersions": "27\\LX\\MR Software release:DV26.0_R01_1725.a",
    "SpacingBetweenSlices": 3.4,
    "StationName": "fmrif3tb",
    "TaskName": "Resting state with reverse blip.",
    "TotalReadoutTime": 0.026208,
    "TriggerDelayTime": 29938,
    "dataset": "ds004215",
    "modality": "bold",
    "session_id": "01",
    "subject_id": "ON48190",
    "task_id": "rest"
  },
  "dummy_trs": 1,
  "dvars_nstd": 35.164480922500005,
  "dvars_std": 2.08766827,
  "dvars_vstd": 2.7478952775,
  "efc": 0.5096692152407946,
  "fber": 3507.975341796875,
  "fd_mean": 0.2470991051519817,
  "fd_num": 3,
  "fd_perc": 33.333333333333336,
  "fwhm_avg": 2.664172048018925,
  "fwhm_x": 2.588221090909091,
  "fwhm_y": 2.508064,
  "fwhm_z": 2.8962310531476847,
  "gcor": 0.183383,
  "gsr_x": 0.02093961276113987,
  "gsr_y": 0.03731762617826462,
  "provenance": {
    "md5sum": "0a47acb185eddbf956f9d6b3f289f54d",
    "settings": {
      "fd_thres": 0.2,
      "testing": false
    },
    "software": "mriqc",
    "version": "22.0.6",
    "webapi_port": null,
    "webapi_url": "https://mriqc.nimh.nih.gov/api/v1"
  },
  "size_t": 9,
  "size_x": 64,
  "size_y": 64,
  "size_z": 48,
  "snr": 4.55207740372685,
  "spacing_tr": 3.0,
  "spacing_x": 3.4375,
  "spacing_y": 3.4375,
  "spacing_z": 3.4000015258789062,
  "summary_bg_k": 12.418989267893751,
  "summary_bg_mad": 18.779627158457853,
  "summary_bg_mean": 179.72976684570312,
  "summary_bg_median": 41.33333206176758,
  "summary_bg_n": 128009.0,
  "summary_bg_p05": 23.55555534362793,
  "summary_bg_p95": 890.1111450195312,
  "summary_bg_stdv": 326.7004699707031,
  "summary_fg_k": 0.6823498540731485,
  "summary_fg_mad": 486.87013541741544,
  "summary_fg_mean": 2440.486083984375,
  "summary_fg_median": 2390.16650390625,
  "summary_fg_n": 30974.0,
  "summary_fg_p05": 1646.2944946289062,
  "summary_fg_p95": 3361.444580078125,
  "summary_fg_stdv": 525.0631103515625,
  "tsnr": 62.027526043355465
}