{
  "aor": 0.03754444444444444,
  "aqi": 0.0015270126666666667,
  "bids_meta": {
    "AcquisitionMatrixPE": 64,
    "AcquisitionNumber": 1,
    "AcquisitionTime": "15:08:0.000000",
    "BodyPartExamined": "BRAIN",
    "CoilString": "32Ch Head",
    "ConversionSoftware": "dcm2niix",
    "ConversionSoftwareVersion": "v1.0.20211006",
    "Dcm2bidsVersion": "2.1.6",
    "DeviceSerialNumber": "000301496MR3T6MR",
    "EchoTime": 0.0169,
    "EffectiveEchoSpacing": 0.000416,
    "FlipAngle": 90,
    "ImageOrientationPatientDICOM": [
      1,
      0,
      0,
      0,
      1,
      0
    ],
    "ImageType": [
      "ORIGINAL",
      "PRIMARY",
      "OTHER"
    ],
    "ImagingFrequency": 127.697,
    "InPlanePhaseEncodingDirectionDICOM": "COL",
    "InstitutionName": "NIH FMRIF",
    "InternalPulseSequenceName": "EPI",
    "MRAcquisitionType": "2D",
    "MagneticFieldStrength": 3,
    "Manufacturer": "GE",
    "ManufacturersModelName": "DISCOVERY MR750",
    "Modality": "MR",
    "PatientPosition": "HFS",
    "PercentPhaseFOV": 100,
    "PercentSampling": 100,
    "PhaseEncodingDirection": "j-",
    "PhaseEncodingPolarityGE": "Unflipped",
    "PixelBandwidth": 7812.5,
    "ProcedureStepDescription": "MRI Brain",
    "ProtocolName": "ADNI3 FMRIF Enhanced Pro",
    "PulseSequenceName": "epi",
    "ReconMatrixPE": 64,
    "RepetitionTime": 3,
    "SAR": 0.194577,
    "ScanOptions": "MP_GEMS\\EPI_GEMS\\PFF",
    "ScanningSequence": "EP\\GR",
    "SequenceVariant": "SS",
    "SeriesDescription": "Axial rsfMRI reverse blip - RKV",
    "SeriesNumber": 11,
    "SliceThickness": 3.4,
    "SliceTiming": [
      0,
      1.5,
      0.0625,
      1.5625,
      0.125,
      1.625,
      0.1875,
      1.6875,
      0.25,
      1.75,
      0.3125,
      1.8125,
      0.375,
      1.875,
      0.4375,
      1.9375,
      0.5,
      2,
      0.5625,
      2.0625,
      0.625,
      2.125,
      0.6875,
      2.1875,
      0.75,
      2.25,
      0.8125,
      2.3125,
      0.875,
      2.375,
      0.9375,
      2.4375,
      1,
      2.5,
      1.0625,
      2.5625,
      1.125,
      2.625,
      1.1875,
      2.6875,
      1.25,
      2.75,
      1.3125,
      2.8125,
      1.375,
      2.875,
      1.4375,
      2.9375
    ],
    "SoftwareVersions": "27\\LX\\MR Software release:DV26.0_R03_1831.b",
    "SpacingBetweenSlices": 3.4,
    "StationName": "FMRI3tb",
    "TaskName": "Resting state with reverse blip.",
    "TotalReadoutTime": 0.026208,
    "TriggerDelayTime": 29938,
    "dataset": "ds004215",
    "modality": "bold",
    "session_id": "01",
    "subject_id": "ON48925",
    "task_id": "rest"
  },
  "dummy_trs": 1,
  "dvars_nstd": 17.70402669875,
  "dvars_std": 1.3360473725,
  "dvars_vstd": 1.3793920275,
  "efc": 0.4911825721673543,
  "fber": 3263.347412109375,
  "fd_mean": 0.12551922574693708,
  "fd_num": 2,
  "fd_perc": 22.22222222222222,
  "fwhm_avg": 2.4303457263666526,
  "fwhm_x": 2.2760494545454546,
  "fwhm_y": 2.399406545454546,
  "fwhm_z": 2.6155811790999564,
  "gcor": 0.0257246,
  "gsr_x": 0.015593755058944225,
  "gsr_y": 0.056065842509269714,
  "provenance": {
    "md5sum": "4d90c00655bb48d27e13eda706113810",
    "settings": {
      "fd_thres": 0.2,
      "testing": false
    },
    "software": "mriqc",
    "version": "22.0.6",
    "webapi_port": null,
    "webapi_url": "https://mriqc.nimh.nih.gov/api/v1"
  },
  "size_t": 9,
  "size_x": 64,
  "size_y": 64,
  "size_z": 48,
  "snr": 4.771708618647489,
  "spacing_tr": 3.0,
  "spacing_x": 3.4375,
  "spacing_y": 3.4375,
  "spacing_z": 3.4000015258789062,
  "summary_bg_k": 43.75672857600145,
  "summary_bg_mad": 19.603294743423263,
  "summary_bg_mean": 153.4932403564453,
  "summary_bg_median": 41.0,
  "summary_bg_n": 131799.0,
  "summary_bg_p05": 23.44444465637207,
  "summary_bg_p95": 666.4444580078125,
  "summary_bg_stdv": 284.0845031738281,
  "summary_fg_k": 1.1372774829429222,
  "summary_fg_mad": 432.67262677940744,
  "summary_fg_mean": 2312.780517578125,
  "summary_fg_median": 2275.388916015625,
  "summary_fg_n": 27464.0,
  "summary_fg_p05": 1580.0,
  "summary_fg_p95": 3130.444580078125,
  "summary_fg_stdv": 476.84124755859375,
  "tsnr": 127.49043211340904
}