{
  "aor": 0.0012187939698492462,
  "aqi": 0.00297088959798995,
  "bids_meta": {
    "AcquisitionMatrixPE": 64,
    "AcquisitionNumber": 1,
    "AcquisitionTime": "14:56:57.000000",
    "BodyPartExamined": "BRAIN",
    "CoilString": "32Ch Head",
    "ConversionSoftware": "dcm2niix",
    "ConversionSoftwareVersion": "v1.0.20211006",
    "Dcm2bidsVersion": "2.1.6",
    "DeviceSerialNumber": "000301496MR3T6MR",
    "EchoTime": 0.0169,
    "EffectiveEchoSpacing": 0.000416,
    "FlipAngle": 90,
    "ImageOrientationPatientDICOM": [
      1,
      0,
      0,
      0,
      1,
      0
    ],
    "ImageType": [
      "ORIGINAL",
      "PRIMARY",
      "OTHER"
    ],
    "ImagingFrequency": 127.697,
    "InPlanePhaseEncodingDirectionDICOM": "COL",
    "InstitutionName": "NIH FMRIF",
    "InternalPulseSequenceName": "EPI",
    "MRAcquisitionType": "2D",
    "MagneticFieldStrength": 3,
    "Manufacturer": "GE",
    "ManufacturersModelName": "DISCOVERY MR750",
    "Modality": "MR",
    "PatientPosition": "HFS",
    "PercentPhaseFOV": 100,
    "PercentSampling": 100,
    "PhaseEncodingDirection": "j",
    "PhaseEncodingPolarityGE": "Flipped",
    "PixelBandwidth": 7812.5,
    "ProcedureStepDescription": "MRI Brain",
    "ProtocolName": "ADNI3 FMRIF Enhanced Pro",
    "PulseSequenceName": "epi",
    "ReconMatrixPE": 64,
    "RepetitionTime": 3,
    "SAR": 0.193437,
    "ScanOptions": "MP_GEMS\\EPI_GEMS\\PFF",
    "ScanningSequence": "EP\\GR",
    "SequenceVariant": "SS",
    "SeriesDescription": "Axial rsfMRI with Eyes Open - RKV",
    "SeriesNumber": 10,
    "SliceThickness": 3.4,
    "SliceTiming": [
      0,
      1.5,
      0.0625,
      1.5625,
      0.125,
      1.625,
      0.1875,
      1.6875,
      0.25,
      1.75,
      0.3125,
      1.8125,
      0.375,
      1.875,
      0.4375,
      1.9375,
      0.5,
      2,
      0.5625,
      2.0625,
      0.625,
      2.125,
      0.6875,
      2.1875,
      0.75,
      2.25,
      0.8125,
      2.3125,
      0.875,
      2.375,
      0.9375,
      2.4375,
      1,
      2.5,
      1.0625,
      2.5625,
      1.125,
      2.625,
      1.1875,
      2.6875,
      1.25,
      2.75,
      1.3125,
      2.8125,
      1.375,
      2.875,
      1.4375,
      2.9375
    ],
    "SoftwareVersions": "27\\LX\\MR Software release:DV26.0_R03_1831.b",
    "SpacingBetweenSlices": 3.4,
    "StationName": "FMRI3tb",
    "TaskName": "Resting state with eyes open.",
    "TotalReadoutTime": 0.026208,
    "TriggerDelayTime": 599938,
    "dataset": "ds004215",
    "modality": "bold",
    "session_id": "01",
    "subject_id": "ON48925",
    "task_id": "rest"
  },
  "dummy_trs": 1,
  "dvars_nstd": 13.387830584848476,
  "dvars_std": 1.0503312234848479,
  "dvars_vstd": 0.9096992393939392,
  "efc": 0.49039277904120787,
  "fber": 2599.522705078125,
  "fd_mean": 0.1113379550908155,
  "fd_num": 31,
  "fd_perc": 15.577889447236181,
  "fwhm_avg": 2.527634155111233,
  "fwhm_x": 2.3503854545454543,
  "fwhm_y": 2.4802123636363635,
  "fwhm_z": 2.7523046471518806,
  "gcor": 0.0320843,
  "gsr_x": 0.01604144647717476,
  "gsr_y": 0.0430498868227005,
  "provenance": {
    "md5sum": "d09445016c5bc817ed61e0c529f62e69",
    "settings": {
      "fd_thres": 0.2,
      "testing": false
    },
    "software": "mriqc",
    "version": "22.0.6",
    "webapi_port": null,
    "webapi_url": "https://mriqc.nimh.nih.gov/api/v1"
  },
  "size_t": 199,
  "size_x": 64,
  "size_y": 64,
  "size_z": 48,
  "snr": 4.276114551774569,
  "spacing_tr": 3.0,
  "spacing_x": 3.4375,
  "spacing_y": 3.4375,
  "spacing_z": 3.4000015258789062,
  "summary_bg_k": 68.77622972031487,
  "summary_bg_mad": 26.75389365892558,
  "summary_bg_mean": 153.12039184570312,
  "summary_bg_median": 45.70351791381836,
  "summary_bg_n": 131938.0,
  "summary_bg_p05": 22.371858596801758,
  "summary_bg_p95": 649.5233428955078,
  "summary_bg_stdv": 273.26715087890625,
  "summary_fg_k": 1.1380388115397189,
  "summary_fg_mad": 484.59103266623856,
  "summary_fg_mean": 2292.91162109375,
  "summary_fg_median": 2248.713623046875,
  "summary_fg_n": 27522.0,
  "summary_fg_p05": 1499.615301513672,
  "summary_fg_p95": 3192.444116210937,
  "summary_fg_stdv": 525.8682250976562,
  "tsnr": 87.573675904423
}