{
  "bids_meta": {
    "AcquisitionMatrixPE": 256,
    "AcquisitionNumber": 1,
    "AcquisitionTime": "09:38:55.000000",
    "BodyPartExamined": "BRAIN",
    "CoilString": "32Ch Head",
    "ConversionSoftware": "dcm2niix",
    "ConversionSoftwareVersion": "v1.0.20211006",
    "Dcm2bidsVersion": "2.1.6",
    "DeviceSerialNumber": "000301496mr3T5mr",
    "EchoTime": 0.065753,
    "EchoTrainLength": 140,
    "FlipAngle": 90,
    "ImageOrientationPatientDICOM": [
      0,
      1,
      0,
      0,
      0,
      -1
    ],
    "ImageType": [
      "ORIGINAL",
      "PRIMARY",
      "OTHER"
    ],
    "ImagingFrequency": 127.824,
    "InPlanePhaseEncodingDirectionDICOM": "ROW",
    "InstitutionName": "NIH FMRIF",
    "MRAcquisitionType": "3D",
    "MagneticFieldStrength": 3,
    "Manufacturer": "GE",
    "ManufacturersModelName": "DISCOVERY MR750",
    "Modality": "MR",
    "ParallelReductionFactorInPlane": 2,
    "ParallelReductionOutOfPlane": 1.5,
    "PatientPosition": "HFS",
    "PercentPhaseFOV": 100,
    "PercentSampling": 100,
    "PhaseEncodingAxis": "i",
    "PixelBandwidth": 244.141,
    "ProcedureStepDescription": "MRI Brain",
    "ProtocolName": "ADNI3 FMRIF Enhanced Pro",
    "ReconMatrixPE": 256,
    "RepetitionTime": 3.202,
    "SAR": 0.437,
    "ScanOptions": "SAT_GEMS\\EDR_GEMS\\PROMO_GEMS\\ACC_GEMS\\FS\\FR_GEMS",
    "ScanningSequence": "RM",
    "SequenceVariant": "NONE",
    "SeriesDescription": "ORIG Anat T2w CUBE (ABCD)",
    "SeriesNumber": 40004,
    "SliceThickness": 1,
    "SoftwareVersions": "27\\LX\\MR Software release:DV26.0_R03_1831.b",
    "SpacingBetweenSlices": 1,
    "StationName": "FMRI3ta",
    "acq_id": "CUBE",
    "dataset": "ds004215",
    "modality": "T2w",
    "session_id": "01",
    "subject_id": "ON56250"
  },
  "cjv": 1.0797866415981068,
  "cnr": 1.019681946967106,
  "efc": 0.38828805264220734,
  "fber": 9586.914582206598,
  "fwhm_avg": 2.3582466666666666,
  "fwhm_x": 1.92439,
  "fwhm_y": 2.65183,
  "fwhm_z": 2.49852,
  "icvs_csf": 0.32535825067925195,
  "icvs_gm": 0.4852128953639606,
  "icvs_wm": 0.18942885395678746,
  "inu_med": 0.8709066808223724,
  "inu_range": 0.43011277616024013,
  "provenance": {
    "md5sum": "5da979b951cd6c546a803fbc45768845",
    "settings": {
      "testing": false
    },
    "software": "mriqc",
    "version": "22.0.6",
    "warnings": {
      "large_rot_frame": true,
      "small_air_mask": false
    },
    "webapi_port": null,
    "webapi_url": "https://mriqc.nimh.nih.gov/api/v1"
  },
  "qi_1": 2.9253042368643915e-06,
  "qi_2": 0.01742187165890285,
  "rpve_csf": 19.512152675358386,
  "rpve_gm": 15.065612420538788,
  "rpve_wm": 41.689701071418526,
  "size_x": 204,
  "size_y": 256,
  "size_z": 256,
  "snr_csf": 12.167254945482284,
  "snr_gm": 11.557357408592502,
  "snr_total": 8.53995200937031,
  "snr_wm": 1.8952436740361442,
  "snrd_csf": 78.32738192690809,
  "snrd_gm": 54.09698805577311,
  "snrd_total": 83.30612308303824,
  "snrd_wm": 117.49399926643353,
  "spacing_x": 1.0,
  "spacing_y": 1.0,
  "spacing_z": 1.0,
  "summary_bg_k": 120.50976928843401,
  "summary_bg_mad": 5.577441908777253,
  "summary_bg_mean": 3.9496281651867338,
  "summary_bg_median": 3.7619273997843266,
  "summary_bg_n": 4530063.0,
  "summary_bg_p05": 0.0,
  "summary_bg_p95": 13.179202612489462,
  "summary_bg_stdv": 5.537067424743764,
  "summary_csf_k": 0.5379929326315809,
  "summary_csf_mad": 52.04381224812682,
  "summary_csf_mean": 670.0922317281778,
  "summary_csf_median": 666.8327733948827,
  "summary_csf_n": 25361.0,
  "summary_csf_p05": 585.8143104538321,
  "summary_csf_p95": 763.5217815972865,
  "summary_csf_stdv": 54.80444269785121,
  "summary_gm_k": 0.2405114759834852,
  "summary_gm_mad": 39.44839707664971,
  "summary_gm_mean": 460.09274475790295,
  "summary_gm_median": 460.54960206896067,
  "summary_gm_n": 162341.0,
  "summary_gm_p05": 394.3048010356724,
  "summary_gm_p95": 524.1535798944533,
  "summary_gm_stdv": 39.8489176479706,
  "summary_wm_k": -1.6050227164740918,
  "summary_wm_mad": 543.3388773384993,
  "summary_wm_mean": 751.8617046685415,
  "summary_wm_median": 1000.2740735188127,
  "summary_wm_n": 45852.0,
  "summary_wm_p05": 26.75702004879713,
  "summary_wm_p95": 1433.9782128749414,
  "summary_wm_stdv": 527.7754937394112,
  "tpm_overlap_csf": 0.09917618766634413,
  "tpm_overlap_gm": 0.3101184404493379,
  "tpm_overlap_wm": 0.03887433538247731,
  "wm2max": 0.7099283882945805
}