{
  "bids_meta": {
    "AcquisitionMatrixPE": 256,
    "AcquisitionNumber": 1,
    "AcquisitionTime": "09:32:23.000000",
    "BodyPartExamined": "BRAIN",
    "CoilString": "32Ch Head",
    "ConversionSoftware": "dcm2niix",
    "ConversionSoftwareVersion": "v1.0.20211006",
    "Dcm2bidsVersion": "2.1.6",
    "DeviceSerialNumber": "000301496mr3T5mr",
    "EchoTime": 0.00292,
    "FlipAngle": 8,
    "ImageOrientationPatientDICOM": [
      0,
      1,
      0,
      0,
      0,
      -1
    ],
    "ImageType": [
      "ORIGINAL",
      "PRIMARY",
      "OTHER"
    ],
    "ImagingFrequency": 127.824,
    "InPlanePhaseEncodingDirectionDICOM": "ROW",
    "InstitutionName": "NIH FMRIF",
    "InversionTime": 1.06,
    "MRAcquisitionType": "3D",
    "MagneticFieldStrength": 3,
    "Manufacturer": "GE",
    "ManufacturersModelName": "DISCOVERY MR750",
    "Modality": "MR",
    "ParallelReductionFactorInPlane": 2,
    "ParallelReductionOutOfPlane": 2,
    "PatientPosition": "HFS",
    "PercentPhaseFOV": 100,
    "PercentSampling": 100,
    "PixelBandwidth": 244.141,
    "ProcedureStepDescription": "MRI Brain",
    "ProtocolName": "ADNI3 FMRIF Enhanced Pro",
    "ReconMatrixPE": 256,
    "RepetitionTime": 0.006952,
    "SAR": 0.0976713,
    "ScanOptions": "EDR_GEMS\\PROMO_GEMS\\FILTERED_GEMS\\ACC_GEMS\\IR_GEMS",
    "ScanningSequence": "RM",
    "SequenceVariant": "NONE",
    "SeriesDescription": "Anat T1w MP-RAGE 1mm (ABCD)",
    "SeriesNumber": 3,
    "SliceThickness": 1,
    "SoftwareVersions": "27\\LX\\MR Software release:DV26.0_R03_1831.b",
    "SpacingBetweenSlices": 1,
    "StationName": "FMRI3ta",
    "acq_id": "MPRAGE",
    "dataset": "ds004215",
    "modality": "T1w",
    "rec_id": "SCIC",
    "session_id": "01",
    "subject_id": "ON56250"
  },
  "cjv": 0.33825264633311075,
  "cnr": 3.966649454000492,
  "efc": 0.6568788187043785,
  "fber": 19142.90703601108,
  "fwhm_avg": 3.414403333333333,
  "fwhm_x": 3.33018,
  "fwhm_y": 3.58412,
  "fwhm_z": 3.32891,
  "icvs_csf": 0.21655130709448936,
  "icvs_gm": 0.4492951207831199,
  "icvs_wm": 0.3341535721223907,
  "inu_med": 0.49300119280815125,
  "inu_range": 0.08235617429018027,
  "provenance": {
    "md5sum": "23c5f74bd580f0e6e9929a5395051bc2",
    "settings": {
      "testing": false
    },
    "software": "mriqc",
    "version": "22.0.6",
    "warnings": {
      "large_rot_frame": true,
      "small_air_mask": false
    },
    "webapi_port": null,
    "webapi_url": "https://mriqc.nimh.nih.gov/api/v1"
  },
  "qi_1": 0.0,
  "qi_2": 0.003707909753489114,
  "rpve_csf": 30.61994438684349,
  "rpve_gm": 15.673122080046662,
  "rpve_wm": 23.87986373959122,
  "size_x": 208,
  "size_y": 256,
  "size_z": 256,
  "snr_csf": 1.5250127518834367,
  "snr_gm": 8.901925468272776,
  "snr_total": 10.152424916702957,
  "snr_wm": 20.030336529952656,
  "snrd_csf": 16.14141949871247,
  "snrd_gm": 67.23475160925308,
  "snrd_total": 62.425678598335026,
  "snrd_wm": 103.90086468703953,
  "spacing_x": 1.0,
  "spacing_y": 1.0,
  "spacing_z": 1.0,
  "summary_bg_k": 4.760744918991934,
  "summary_bg_mad": 6.30539878673873,
  "summary_bg_mean": 7.555040250377998,
  "summary_bg_median": 4.252926852554083,
  "summary_bg_n": 1136147.0,
  "summary_bg_p05": 0.0,
  "summary_bg_p95": 34.39004644565284,
  "summary_bg_stdv": 11.762902762369754,
  "summary_csf_k": 1.7819317926690834,
  "summary_csf_mad": 74.68636149119841,
  "summary_csf_mean": 182.94789143544546,
  "summary_csf_median": 155.35404065996408,
  "summary_csf_n": 34193.0,
  "summary_csf_p05": 69.75777722522616,
  "summary_csf_p95": 402.1948928665367,
  "summary_csf_stdv": 101.86916058807593,
  "summary_gm_k": 0.10024440951546243,
  "summary_gm_mad": 71.31623455345874,
  "summary_gm_mean": 646.7274853454769,
  "summary_gm_median": 647.1048185136169,
  "summary_gm_n": 37624.0,
  "summary_gm_p05": 526.1689327239059,
  "summary_gm_p95": 766.6475041274912,
  "summary_gm_stdv": 72.69171384714885,
  "summary_wm_k": 0.3544503565287762,
  "summary_wm_mad": 48.05148730583653,
  "summary_wm_mean": 998.7837244607255,
  "summary_wm_median": 999.9999788422137,
  "summary_wm_n": 170818.0,
  "summary_wm_p05": 914.9658838994801,
  "summary_wm_p95": 1078.7035677228123,
  "summary_wm_stdv": 49.92412634958175,
  "tpm_overlap_csf": 0.1561640857925026,
  "tpm_overlap_gm": 0.4723521617687121,
  "tpm_overlap_wm": 0.5142537411845518,
  "wm2max": 0.7025258856053711
}