{
  "bids_meta": {
    "AcquisitionMatrixPE": 256,
    "AcquisitionNumber": 1,
    "AcquisitionTime": "09:32:23.000000",
    "BodyPartExamined": "BRAIN",
    "CoilString": "32Ch Head",
    "ConversionSoftware": "dcm2niix",
    "ConversionSoftwareVersion": "v1.0.20211006",
    "Dcm2bidsVersion": "2.1.6",
    "DeviceSerialNumber": "000301496mr3T5mr",
    "EchoTime": 0.00292,
    "FlipAngle": 8,
    "ImageOrientationPatientDICOM": [
      0,
      1,
      0,
      0,
      0,
      -1
    ],
    "ImageType": [
      "ORIGINAL",
      "PRIMARY",
      "OTHER"
    ],
    "ImagingFrequency": 127.824,
    "InPlanePhaseEncodingDirectionDICOM": "ROW",
    "InstitutionName": "NIH FMRIF",
    "InversionTime": 1.06,
    "MRAcquisitionType": "3D",
    "MagneticFieldStrength": 3,
    "Manufacturer": "GE",
    "ManufacturersModelName": "DISCOVERY MR750",
    "Modality": "MR",
    "ParallelReductionFactorInPlane": 2,
    "ParallelReductionOutOfPlane": 2,
    "PatientPosition": "HFS",
    "PercentPhaseFOV": 100,
    "PercentSampling": 100,
    "PixelBandwidth": 244.141,
    "ProcedureStepDescription": "MRI Brain",
    "ProtocolName": "ADNI3 FMRIF Enhanced Pro",
    "ReconMatrixPE": 256,
    "RepetitionTime": 0.006952,
    "SAR": 0.0976713,
    "ScanOptions": "EDR_GEMS\\PROMO_GEMS\\ACC_GEMS\\IR_GEMS",
    "ScanningSequence": "RM",
    "SequenceVariant": "NONE",
    "SeriesDescription": "ORIG Anat T1w MP-RAGE 1mm (ABCD)",
    "SeriesNumber": 40003,
    "SliceThickness": 1,
    "SoftwareVersions": "27\\LX\\MR Software release:DV26.0_R03_1831.b",
    "SpacingBetweenSlices": 1,
    "StationName": "FMRI3ta",
    "acq_id": "MPRAGE",
    "dataset": "ds004215",
    "modality": "T1w",
    "session_id": "01",
    "subject_id": "ON56250"
  },
  "cjv": 0.3551179512690082,
  "cnr": 3.74985124339538,
  "efc": 0.42796576351582644,
  "fber": 7898.880748476468,
  "fwhm_avg": 3.7053966666666667,
  "fwhm_x": 3.6262,
  "fwhm_y": 3.82294,
  "fwhm_z": 3.66705,
  "icvs_csf": 0.20833560816830823,
  "icvs_gm": 0.4503450806592337,
  "icvs_wm": 0.3413193111724581,
  "inu_med": 0.8345896303653717,
  "inu_range": 0.4513593167066572,
  "provenance": {
    "md5sum": "12030725c23c24bcecd601c83b40ba30",
    "settings": {
      "testing": false
    },
    "software": "mriqc",
    "version": "22.0.6",
    "warnings": {
      "large_rot_frame": true,
      "small_air_mask": false
    },
    "webapi_port": null,
    "webapi_url": "https://mriqc.nimh.nih.gov/api/v1"
  },
  "qi_1": 0.0,
  "qi_2": 0.001821256195330499,
  "rpve_csf": 31.96033362565655,
  "rpve_gm": 15.762062220892815,
  "rpve_wm": 23.539192172325464,
  "size_x": 208,
  "size_y": 256,
  "size_z": 256,
  "snr_csf": 1.030285015267978,
  "snr_gm": 8.30084320274198,
  "snr_total": 8.942486856576108,
  "snr_wm": 17.496332351718365,
  "snrd_csf": 6.959653891790674,
  "snrd_gm": 40.38056530258824,
  "snrd_total": 36.8682239317791,
  "snrd_wm": 63.26445260095838,
  "spacing_x": 1.0,
  "spacing_y": 1.0,
  "spacing_z": 1.0,
  "summary_bg_k": 2.2367438653428806,
  "summary_bg_mad": 10.3555212132483,
  "summary_bg_mean": 11.13743713913932,
  "summary_bg_median": 6.984692916274071,
  "summary_bg_n": 4705116.0,
  "summary_bg_p05": 0.0,
  "summary_bg_p95": 32.88007037714124,
  "summary_bg_stdv": 11.215748025533301,
  "summary_csf_k": 1.919591370456856,
  "summary_csf_mad": 73.86571248386154,
  "summary_csf_mean": 142.5815452904489,
  "summary_csf_median": 110.00891343131661,
  "summary_csf_n": 27613.0,
  "summary_csf_p05": 28.75612934678793,
  "summary_csf_p95": 377.9759141117331,
  "summary_csf_stdv": 106.77329069744857,
  "summary_gm_k": 0.16717870994870276,
  "summary_gm_mad": 75.07752879605017,
  "summary_gm_mean": 636.9930339791931,
  "summary_gm_median": 638.2820441573858,
  "summary_gm_n": 33813.0,
  "summary_gm_p05": 507.4156487941742,
  "summary_gm_p95": 761.7030540928245,
  "summary_gm_stdv": 76.89250237431884,
  "summary_wm_k": 0.6419890891234816,
  "summary_wm_mad": 53.375000295944695,
  "summary_wm_mean": 998.0953162815917,
  "summary_wm_median": 999.9999709278345,
  "summary_wm_n": 171507.0,
  "summary_wm_p05": 901.471217662096,
  "summary_wm_p95": 1087.605853356421,
  "summary_wm_stdv": 57.15466736047428,
  "tpm_overlap_csf": 0.15742078081226402,
  "tpm_overlap_gm": 0.47185708980632535,
  "tpm_overlap_wm": 0.5147335376426512,
  "wm2max": 0.5530192517104642
}