{
  "aor": 0.03408888888888889,
  "aqi": 0.0005197192222222223,
  "bids_meta": {
    "AcquisitionMatrixPE": 64,
    "AcquisitionNumber": 1,
    "AcquisitionTime": "15:04:3.000000",
    "BodyPartExamined": "BRAIN",
    "CoilString": "32Ch Head",
    "ConversionSoftware": "dcm2niix",
    "ConversionSoftwareVersion": "v1.0.20211006",
    "Dcm2bidsVersion": "2.1.6",
    "DeviceSerialNumber": "000301496MR3T6MR",
    "EchoTime": 0.0169,
    "EffectiveEchoSpacing": 0.000416,
    "FlipAngle": 90,
    "ImageOrientationPatientDICOM": [
      1,
      0,
      0,
      0,
      1,
      0
    ],
    "ImageType": [
      "ORIGINAL",
      "PRIMARY",
      "OTHER"
    ],
    "ImagingFrequency": 127.696,
    "InPlanePhaseEncodingDirectionDICOM": "COL",
    "InstitutionName": "NIH FMRIF",
    "InternalPulseSequenceName": "EPI",
    "MRAcquisitionType": "2D",
    "MagneticFieldStrength": 3,
    "Manufacturer": "GE",
    "ManufacturersModelName": "DISCOVERY MR750",
    "Modality": "MR",
    "PatientPosition": "HFS",
    "PercentPhaseFOV": 100,
    "PercentSampling": 100,
    "PhaseEncodingDirection": "j-",
    "PhaseEncodingPolarityGE": "Unflipped",
    "PixelBandwidth": 7812.5,
    "ProcedureStepDescription": "MRI Brain",
    "ProtocolName": "ADNI3 FMRIF Enhanced Pro",
    "PulseSequenceName": "epi",
    "ReconMatrixPE": 64,
    "RepetitionTime": 3,
    "SAR": 0.155556,
    "ScanOptions": "MP_GEMS\\EPI_GEMS\\PFF",
    "ScanningSequence": "EP\\GR",
    "SequenceVariant": "SS",
    "SeriesDescription": "Axial rsfMRI reverse blip - RKV",
    "SeriesNumber": 11,
    "SliceThickness": 3.4,
    "SliceTiming": [
      0,
      1.5,
      0.0625,
      1.5625,
      0.125,
      1.625,
      0.1875,
      1.6875,
      0.25,
      1.75,
      0.3125,
      1.8125,
      0.375,
      1.875,
      0.4375,
      1.9375,
      0.5,
      2,
      0.5625,
      2.0625,
      0.625,
      2.125,
      0.6875,
      2.1875,
      0.75,
      2.25,
      0.8125,
      2.3125,
      0.875,
      2.375,
      0.9375,
      2.4375,
      1,
      2.5,
      1.0625,
      2.5625,
      1.125,
      2.625,
      1.1875,
      2.6875,
      1.25,
      2.75,
      1.3125,
      2.8125,
      1.375,
      2.875,
      1.4375,
      2.9375
    ],
    "SoftwareVersions": "27\\LX\\MR Software release:DV26.0_R03_1831.b",
    "SpacingBetweenSlices": 3.4,
    "StationName": "FMRI3tb",
    "TaskName": "Resting state with reverse blip.",
    "TotalReadoutTime": 0.026208,
    "TriggerDelayTime": 29938,
    "dataset": "ds004215",
    "modality": "bold",
    "session_id": "01",
    "subject_id": "ON34754",
    "task_id": "rest"
  },
  "dummy_trs": 1,
  "dvars_nstd": 9.26767921375,
  "dvars_std": 1.3770037737500003,
  "dvars_vstd": 1.3858010312499998,
  "efc": 0.4582416849561697,
  "fber": 5584.32373046875,
  "fd_mean": 0.02230943244233903,
  "fd_num": 0,
  "fd_perc": 0.0,
  "fwhm_avg": 2.4350305900042053,
  "fwhm_x": 2.3902749090909094,
  "fwhm_y": 2.329032727272727,
  "fwhm_z": 2.5857841336489806,
  "gcor": 0.0234671,
  "gsr_x": -0.015155700966715813,
  "gsr_y": 0.04829268530011177,
  "provenance": {
    "md5sum": "d3dc2c6062bc06ddd822d9f5c7361f81",
    "settings": {
      "fd_thres": 0.2,
      "testing": false
    },
    "software": "mriqc",
    "version": "22.0.6",
    "webapi_port": null,
    "webapi_url": "https://mriqc.nimh.nih.gov/api/v1"
  },
  "size_t": 9,
  "size_x": 64,
  "size_y": 64,
  "size_z": 48,
  "snr": 5.111042729401266,
  "spacing_tr": 3.0,
  "spacing_x": 3.4375,
  "spacing_y": 3.4375,
  "spacing_z": 3.4000015258789062,
  "summary_bg_k": 30.21847051300665,
  "summary_bg_mad": 10.707684260228966,
  "summary_bg_mean": 133.4282684326172,
  "summary_bg_median": 34.4444465637207,
  "summary_bg_n": 135532.0,
  "summary_bg_p05": 24.22222328186035,
  "summary_bg_p95": 667.2722167968747,
  "summary_bg_stdv": 261.847412109375,
  "summary_fg_k": 0.7918445572527086,
  "summary_fg_mad": 462.07781208872336,
  "summary_fg_mean": 2591.885498046875,
  "summary_fg_median": 2529.444580078125,
  "summary_fg_n": 25652.0,
  "summary_fg_p05": 1871.7277893066407,
  "summary_fg_p95": 3488.6445312499986,
  "summary_fg_stdv": 494.8883056640625,
  "tsnr": 236.59837425872684
}