{
  "aor": 0.002249246231155779,
  "aqi": 0.001886609809045226,
  "bids_meta": {
    "AcquisitionMatrixPE": 64,
    "AcquisitionNumber": 1,
    "AcquisitionTime": "14:52:58.000000",
    "BodyPartExamined": "BRAIN",
    "CoilString": "32Ch Head",
    "ConversionSoftware": "dcm2niix",
    "ConversionSoftwareVersion": "v1.0.20211006",
    "Dcm2bidsVersion": "2.1.6",
    "DeviceSerialNumber": "000301496MR3T6MR",
    "EchoTime": 0.0169,
    "EffectiveEchoSpacing": 0.000416,
    "FlipAngle": 90,
    "ImageOrientationPatientDICOM": [
      1,
      0,
      0,
      0,
      1,
      0
    ],
    "ImageType": [
      "ORIGINAL",
      "PRIMARY",
      "OTHER"
    ],
    "ImagingFrequency": 127.696,
    "InPlanePhaseEncodingDirectionDICOM": "COL",
    "InstitutionName": "NIH FMRIF",
    "InternalPulseSequenceName": "EPI",
    "MRAcquisitionType": "2D",
    "MagneticFieldStrength": 3,
    "Manufacturer": "GE",
    "ManufacturersModelName": "DISCOVERY MR750",
    "Modality": "MR",
    "PatientPosition": "HFS",
    "PercentPhaseFOV": 100,
    "PercentSampling": 100,
    "PhaseEncodingDirection": "j",
    "PhaseEncodingPolarityGE": "Flipped",
    "PixelBandwidth": 7812.5,
    "ProcedureStepDescription": "MRI Brain",
    "ProtocolName": "ADNI3 FMRIF Enhanced Pro",
    "PulseSequenceName": "epi",
    "ReconMatrixPE": 64,
    "RepetitionTime": 3,
    "SAR": 0.15569,
    "ScanOptions": "MP_GEMS\\EPI_GEMS\\PFF",
    "ScanningSequence": "EP\\GR",
    "SequenceVariant": "SS",
    "SeriesDescription": "Axial rsfMRI with Eyes Open - RKV",
    "SeriesNumber": 10,
    "SliceThickness": 3.4,
    "SliceTiming": [
      0,
      1.5,
      0.0625,
      1.5625,
      0.125,
      1.625,
      0.1875,
      1.6875,
      0.25,
      1.75,
      0.3125,
      1.8125,
      0.375,
      1.875,
      0.4375,
      1.9375,
      0.5,
      2,
      0.5625,
      2.0625,
      0.625,
      2.125,
      0.6875,
      2.1875,
      0.75,
      2.25,
      0.8125,
      2.3125,
      0.875,
      2.375,
      0.9375,
      2.4375,
      1,
      2.5,
      1.0625,
      2.5625,
      1.125,
      2.625,
      1.1875,
      2.6875,
      1.25,
      2.75,
      1.3125,
      2.8125,
      1.375,
      2.875,
      1.4375,
      2.9375
    ],
    "SoftwareVersions": "27\\LX\\MR Software release:DV26.0_R03_1831.b",
    "SpacingBetweenSlices": 3.4,
    "StationName": "FMRI3tb",
    "TaskName": "Resting state with eyes open.",
    "TotalReadoutTime": 0.026208,
    "TriggerDelayTime": 599938,
    "dataset": "ds004215",
    "modality": "bold",
    "session_id": "01",
    "subject_id": "ON34754",
    "task_id": "rest"
  },
  "dummy_trs": 1,
  "dvars_nstd": 7.599061426414138,
  "dvars_std": 1.0363805108080804,
  "dvars_vstd": 0.93088039550505,
  "efc": 0.4639595992725509,
  "fber": 5199.02490234375,
  "fd_mean": 0.042480495141024505,
  "fd_num": 1,
  "fd_perc": 0.5025125628140703,
  "fwhm_avg": 2.61836952373492,
  "fwhm_x": 2.5411374545454546,
  "fwhm_y": 2.440101818181818,
  "fwhm_z": 2.8738692984774876,
  "gcor": 0.0288823,
  "gsr_x": -0.016519462689757347,
  "gsr_y": 0.051011938601732254,
  "provenance": {
    "md5sum": "612ddbd6c151bab443efc3f245ebdd48",
    "settings": {
      "fd_thres": 0.2,
      "testing": false
    },
    "software": "mriqc",
    "version": "22.0.6",
    "webapi_port": null,
    "webapi_url": "https://mriqc.nimh.nih.gov/api/v1"
  },
  "size_t": 199,
  "size_x": 64,
  "size_y": 64,
  "size_z": 48,
  "snr": 4.375106980181143,
  "spacing_tr": 3.0,
  "spacing_x": 3.4375,
  "spacing_y": 3.4375,
  "spacing_z": 3.4000015258789062,
  "summary_bg_k": 17.570922834743353,
  "summary_bg_mad": 12.054524741086109,
  "summary_bg_mean": 136.85655212402344,
  "summary_bg_median": 34.60803985595703,
  "summary_bg_n": 134347.0,
  "summary_bg_p05": 20.68341636657715,
  "summary_bg_p95": 692.1914550781247,
  "summary_bg_stdv": 254.70028686523438,
  "summary_fg_k": 1.362902720174028,
  "summary_fg_mad": 492.34320349478696,
  "summary_fg_mean": 2546.529296875,
  "summary_fg_median": 2463.49755859375,
  "summary_fg_n": 26266.0,
  "summary_fg_p05": 1747.5150756835938,
  "summary_fg_p95": 3583.610595703125,
  "summary_fg_stdv": 563.0606689453125,
  "tsnr": 120.42894959449768
}