{
  "bids_meta": {
    "AcquisitionMatrixPE": 256,
    "AcquisitionNumber": 1,
    "AcquisitionTime": "14:18:56.000000",
    "BodyPartExamined": "BRAIN",
    "CoilString": "32Ch Head",
    "ConversionSoftware": "dcm2niix",
    "ConversionSoftwareVersion": "v1.0.20211006",
    "Dcm2bidsVersion": "2.1.6",
    "DeviceSerialNumber": "000301496MR3T6MR",
    "EchoTime": 0.00292,
    "FlipAngle": 8,
    "ImageOrientationPatientDICOM": [
      0,
      1,
      0,
      0,
      0,
      -1
    ],
    "ImageType": [
      "ORIGINAL",
      "PRIMARY",
      "OTHER"
    ],
    "ImagingFrequency": 127.697,
    "InPlanePhaseEncodingDirectionDICOM": "ROW",
    "InstitutionName": "NIH FMRIF",
    "InversionTime": 1.06,
    "MRAcquisitionType": "3D",
    "MagneticFieldStrength": 3,
    "Manufacturer": "GE",
    "ManufacturersModelName": "DISCOVERY MR750",
    "Modality": "MR",
    "ParallelReductionFactorInPlane": 2,
    "ParallelReductionOutOfPlane": 2,
    "PatientPosition": "HFS",
    "PercentPhaseFOV": 100,
    "PercentSampling": 100,
    "PixelBandwidth": 244.141,
    "ProcedureStepDescription": "MRI Brain",
    "ProtocolName": "ADNI3 FMRIF Enhanced Pro",
    "ReconMatrixPE": 256,
    "RepetitionTime": 0.006952,
    "SAR": 0.131262,
    "ScanOptions": "EDR_GEMS\\PROMO_GEMS\\FILTERED_GEMS\\ACC_GEMS\\IR_GEMS",
    "ScanningSequence": "RM",
    "SequenceVariant": "NONE",
    "SeriesDescription": "Anat T1w MP-RAGE 1mm (ABCD)",
    "SeriesNumber": 5,
    "SliceThickness": 1,
    "SoftwareVersions": "27\\LX\\MR Software release:DV26.0_R01_1725.a",
    "SpacingBetweenSlices": 1,
    "StationName": "fmrif3tb",
    "acq_id": "MPRAGE",
    "dataset": "ds004215",
    "modality": "T1w",
    "rec_id": "SCIC",
    "session_id": "01",
    "subject_id": "ON41090"
  },
  "cjv": 0.38896295076648946,
  "cnr": 3.4996784237901486,
  "efc": 0.6485430532603785,
  "fber": 17282.806538261957,
  "fwhm_avg": 3.4416099999999994,
  "fwhm_x": 3.34098,
  "fwhm_y": 3.63717,
  "fwhm_z": 3.34668,
  "icvs_csf": 0.22852439123850096,
  "icvs_gm": 0.40875920636723156,
  "icvs_wm": 0.36271640239426745,
  "inu_med": 0.5149831771850586,
  "inu_range": 0.10040231049060822,
  "provenance": {
    "md5sum": "60badb628c0a64f4293e797262d182ee",
    "settings": {
      "testing": false
    },
    "software": "mriqc",
    "version": "22.0.6",
    "warnings": {
      "large_rot_frame": true,
      "small_air_mask": false
    },
    "webapi_port": null,
    "webapi_url": "https://mriqc.nimh.nih.gov/api/v1"
  },
  "qi_1": 0.0,
  "qi_2": 0.0016614161285216456,
  "rpve_csf": 32.496647157330855,
  "rpve_gm": 18.338951888097835,
  "rpve_wm": 24.320145077385956,
  "size_x": 208,
  "size_y": 256,
  "size_z": 256,
  "snr_csf": 1.5017685578871105,
  "snr_gm": 8.10927065709457,
  "snr_total": 10.053305207423124,
  "snr_wm": 20.548876407287693,
  "snrd_csf": 14.540296907015286,
  "snrd_gm": 60.0202329617939,
  "snrd_total": 54.98608113448944,
  "snrd_wm": 90.39771353465913,
  "spacing_x": 1.0,
  "spacing_y": 1.0,
  "spacing_z": 1.0,
  "summary_bg_k": 6.768938884808874,
  "summary_bg_mad": 7.247267348718453,
  "summary_bg_mean": 7.962911536788522,
  "summary_bg_median": 4.888207543641329,
  "summary_bg_n": 999352.0,
  "summary_bg_p05": 0.0,
  "summary_bg_p95": 35.08518195524812,
  "summary_bg_stdv": 12.177348229650361,
  "summary_csf_k": 1.8997634479503276,
  "summary_csf_mad": 83.70808203963563,
  "summary_csf_mean": 188.6622231818645,
  "summary_csf_median": 160.84806006029248,
  "summary_csf_n": 35657.0,
  "summary_csf_p05": 67.65394937619567,
  "summary_csf_p95": 408.44589565247287,
  "summary_csf_stdv": 107.10425631771787,
  "summary_gm_k": -0.1560312723066457,
  "summary_gm_mad": 83.57943232338619,
  "summary_gm_mean": 663.5676732931653,
  "summary_gm_median": 663.9574210904539,
  "summary_gm_n": 31882.0,
  "summary_gm_p05": 528.5916737280786,
  "summary_gm_p95": 799.2349493226036,
  "summary_gm_stdv": 81.8750583563617,
  "summary_wm_k": 0.34661851156350165,
  "summary_wm_mad": 47.12867938604485,
  "summary_wm_mean": 1000.1811574941687,
  "summary_wm_median": 999.9999964870512,
  "summary_wm_n": 183911.0,
  "summary_wm_p05": 920.9643330965191,
  "summary_wm_p95": 1079.9467754848301,
  "summary_wm_stdv": 48.664328791348595,
  "tpm_overlap_csf": 0.14718703312376105,
  "tpm_overlap_gm": 0.46047927274602923,
  "tpm_overlap_wm": 0.5150470332401557,
  "wm2max": 0.623273841716243
}