{
  "bids_meta": {
    "AcquisitionMatrixPE": 256,
    "AcquisitionNumber": 1,
    "AcquisitionTime": "15:18:49.000000",
    "BodyPartExamined": "BRAIN",
    "CoilString": "32Ch Head",
    "ConversionSoftware": "dcm2niix",
    "ConversionSoftwareVersion": "v1.0.20211006",
    "Dcm2bidsVersion": "2.1.6",
    "DeviceSerialNumber": "000301496MR3T6MR",
    "EchoTime": 0.066902,
    "EchoTrainLength": 140,
    "FlipAngle": 90,
    "ImageOrientationPatientDICOM": [
      0,
      1,
      0,
      0,
      0,
      -1
    ],
    "ImageType": [
      "ORIGINAL",
      "PRIMARY",
      "OTHER"
    ],
    "ImagingFrequency": 127.697,
    "InPlanePhaseEncodingDirectionDICOM": "ROW",
    "InstitutionName": "NIH FMRIF",
    "MRAcquisitionType": "3D",
    "MagneticFieldStrength": 3,
    "Manufacturer": "GE",
    "ManufacturersModelName": "DISCOVERY MR750",
    "Modality": "MR",
    "ParallelReductionFactorInPlane": 2,
    "ParallelReductionOutOfPlane": 1.5,
    "PatientPosition": "HFS",
    "PercentPhaseFOV": 100,
    "PercentSampling": 100,
    "PhaseEncodingAxis": "i",
    "PixelBandwidth": 244.141,
    "ProcedureStepDescription": "MRI Brain",
    "ProtocolName": "ADNI3 FMRIF Enhanced Pro",
    "ReconMatrixPE": 256,
    "RepetitionTime": 3.202,
    "SAR": 0.4873,
    "ScanOptions": "SAT_GEMS\\EDR_GEMS\\PROMO_GEMS\\ACC_GEMS\\FS\\FR_GEMS",
    "ScanningSequence": "RM",
    "SequenceVariant": "NONE",
    "SeriesDescription": "Sag_CUBE_T2",
    "SeriesNumber": 4,
    "SliceThickness": 1,
    "SoftwareVersions": "27\\LX\\MR Software release:DV26.0_R01_1725.a",
    "SpacingBetweenSlices": 1,
    "StationName": "fmrif3tb",
    "acq_id": "CUBE",
    "dataset": "ds004215",
    "modality": "T2w",
    "session_id": "01",
    "subject_id": "ON76510"
  },
  "cjv": 0.4574829346386856,
  "cnr": 1.4665153608238743,
  "efc": 0.3809185993524518,
  "fber": -1.0,
  "fwhm_avg": 2.5403566666666664,
  "fwhm_x": 2.17657,
  "fwhm_y": 2.8121,
  "fwhm_z": 2.6324,
  "icvs_csf": 0.34115056300564683,
  "icvs_gm": 0.19614242478097982,
  "icvs_wm": 0.4627070122133733,
  "inu_med": 0.9873259663581848,
  "inu_range": 0.5769524335861205,
  "provenance": {
    "md5sum": "c55170424fb47ee5495c865d09fe415c",
    "settings": {
      "testing": false
    },
    "software": "mriqc",
    "version": "22.0.6",
    "warnings": {
      "large_rot_frame": true,
      "small_air_mask": false
    },
    "webapi_port": null,
    "webapi_url": "https://mriqc.nimh.nih.gov/api/v1"
  },
  "qi_1": 0.0,
  "qi_2": 0.014331475326187202,
  "rpve_csf": 17.378553138013714,
  "rpve_gm": 35.20442792928412,
  "rpve_wm": 14.957381719755944,
  "size_x": 204,
  "size_y": 256,
  "size_z": 256,
  "snr_csf": 11.171722260034667,
  "snr_gm": 2.1327384758602457,
  "snr_total": 8.235823938388606,
  "snr_wm": 11.403011079270904,
  "snrd_csf": 66.07904288806992,
  "snrd_gm": 140.43413784411763,
  "snrd_total": 83.40481435842503,
  "snrd_wm": 43.701262343087535,
  "spacing_x": 1.0,
  "spacing_y": 1.0,
  "spacing_z": 1.0,
  "summary_bg_k": 19.272889291765665,
  "summary_bg_mad": 0.0,
  "summary_bg_mean": 11.812384028078375,
  "summary_bg_median": 0.0,
  "summary_bg_n": 3785418.0,
  "summary_bg_p05": 0.0,
  "summary_bg_p95": 40.477242186665535,
  "summary_bg_stdv": 14.992571335978521,
  "summary_csf_k": 0.24521758953722417,
  "summary_csf_mad": 132.0125249627203,
  "summary_csf_mean": 1513.3426343945039,
  "summary_csf_median": 1512.1961843557656,
  "summary_csf_n": 23032.0,
  "summary_csf_p05": 1295.7622493054719,
  "summary_csf_p95": 1739.8541581783445,
  "summary_csf_stdv": 135.35633277000167,
  "summary_gm_k": -1.1347374445959364,
  "summary_gm_mad": 926.5117260659011,
  "summary_gm_mean": 2520.975245238106,
  "summary_gm_median": 3213.786975711584,
  "summary_gm_n": 64274.0,
  "summary_gm_p05": 82.28015824407339,
  "summary_gm_p95": 4315.806407720968,
  "summary_gm_stdv": 1506.871100846746,
  "summary_wm_k": 0.16973554760352938,
  "summary_wm_mad": 86.21760935530519,
  "summary_wm_mean": 999.9472487036483,
  "summary_wm_median": 1000.088368088007,
  "summary_wm_n": 177852.0,
  "summary_wm_p05": 854.7945118546486,
  "summary_wm_p95": 1143.2611461281776,
  "summary_wm_stdv": 87.70363806164927,
  "tpm_overlap_csf": 0.10443009117044591,
  "tpm_overlap_gm": 0.11069381133532094,
  "tpm_overlap_wm": 0.4549866406783056,
  "wm2max": 0.2317934381256355
}