{
  "bids_meta": {
    "AcquisitionMatrixPE": 256,
    "AcquisitionNumber": 1,
    "AcquisitionTime": "15:11:34.000000",
    "BodyPartExamined": "BRAIN",
    "CoilString": "32Ch Head",
    "ConversionSoftware": "dcm2niix",
    "ConversionSoftwareVersion": "v1.0.20211006",
    "Dcm2bidsVersion": "2.1.6",
    "DeviceSerialNumber": "000301496MR3T6MR",
    "EchoTime": 0.066495,
    "EchoTrainLength": 140,
    "FlipAngle": 90,
    "ImageOrientationPatientDICOM": [
      0,
      1,
      0,
      0,
      0,
      -1
    ],
    "ImageType": [
      "ORIGINAL",
      "PRIMARY",
      "OTHER"
    ],
    "ImagingFrequency": 127.696,
    "InPlanePhaseEncodingDirectionDICOM": "ROW",
    "InstitutionName": "NIH FMRIF",
    "MRAcquisitionType": "3D",
    "MagneticFieldStrength": 3,
    "Manufacturer": "GE",
    "ManufacturersModelName": "DISCOVERY MR750",
    "Modality": "MR",
    "ParallelReductionFactorInPlane": 2,
    "ParallelReductionOutOfPlane": 1.5,
    "PatientPosition": "HFS",
    "PercentPhaseFOV": 100,
    "PercentSampling": 100,
    "PhaseEncodingAxis": "i",
    "PixelBandwidth": 244.141,
    "ProcedureStepDescription": "MRI Brain",
    "ProtocolName": "ADNI3 FMRIF Enhanced Pro",
    "ReconMatrixPE": 256,
    "RepetitionTime": 3.202,
    "SAR": 0.4592,
    "ScanOptions": "SAT_GEMS\\EDR_GEMS\\PROMO_GEMS\\ACC_GEMS\\FS\\FR_GEMS",
    "ScanningSequence": "RM",
    "SequenceVariant": "NONE",
    "SeriesDescription": "ORIG Anat T2w CUBE (ABCD)",
    "SeriesNumber": 40004,
    "SliceThickness": 1,
    "SoftwareVersions": "27\\LX\\MR Software release:DV26.0_R03_1831.b",
    "SpacingBetweenSlices": 1,
    "StationName": "FMRI3tb",
    "acq_id": "CUBE",
    "dataset": "ds004215",
    "modality": "T2w",
    "session_id": "01",
    "subject_id": "ON39384"
  },
  "cjv": 2.5014362007602893,
  "cnr": 0.2851268159025057,
  "efc": 0.39464555236992055,
  "fber": 6152.015122873347,
  "fwhm_avg": 2.4449533333333338,
  "fwhm_x": 2.06692,
  "fwhm_y": 2.66156,
  "fwhm_z": 2.60638,
  "icvs_csf": 0.15862983573508993,
  "icvs_gm": 0.666416646530435,
  "icvs_wm": 0.17495351773447515,
  "inu_med": 0.8783361911773682,
  "inu_range": 0.40596977472305273,
  "provenance": {
    "md5sum": "a2cf1db4573e471ecab8cd8b4af7fd1b",
    "settings": {
      "testing": false
    },
    "software": "mriqc",
    "version": "22.0.6",
    "warnings": {
      "large_rot_frame": true,
      "small_air_mask": false
    },
    "webapi_port": null,
    "webapi_url": "https://mriqc.nimh.nih.gov/api/v1"
  },
  "qi_1": 0.0,
  "qi_2": 0.00889092802777381,
  "rpve_csf": 30.293740726367933,
  "rpve_gm": 11.326687026110859,
  "rpve_wm": 41.918287290041334,
  "size_x": 204,
  "size_y": 256,
  "size_z": 256,
  "snr_csf": 6.978879021108722,
  "snr_gm": 9.081091308567872,
  "snr_total": 5.506108003715767,
  "snr_wm": 0.4583536814707035,
  "snrd_csf": 97.25371099440822,
  "snrd_gm": 41.20371840307818,
  "snrd_total": 54.60873057820938,
  "snrd_wm": 25.368762337141746,
  "spacing_x": 1.0,
  "spacing_y": 1.0,
  "spacing_z": 1.0,
  "summary_bg_k": 99.95842643154847,
  "summary_bg_mad": 26.132223717466633,
  "summary_bg_mean": 25.261592286071934,
  "summary_bg_median": 17.62591704726219,
  "summary_bg_n": 3544224.0,
  "summary_bg_p05": 0.0,
  "summary_bg_p95": 66.56491577625275,
  "summary_bg_stdv": 26.198265631298874,
  "summary_csf_k": 4.145570424826571,
  "summary_csf_mad": 54.162318431173865,
  "summary_csf_mean": 3643.073165907486,
  "summary_csf_median": 3879.2772513628006,
  "summary_csf_n": 2903.0,
  "summary_csf_p05": 2328.885832875967,
  "summary_csf_p95": 3937.8268059790134,
  "summary_csf_stdv": 555.7639031090504,
  "summary_gm_k": -0.0034480039990949507,
  "summary_gm_mad": 183.6555164054359,
  "summary_gm_mean": 1654.5507502737314,
  "summary_gm_median": 1643.5429130494595,
  "summary_gm_n": 369426.0,
  "summary_gm_p05": 1377.8740628063679,
  "summary_gm_p95": 1967.4068301916122,
  "summary_gm_stdv": 180.9849315183573,
  "summary_wm_k": -1.6674662817533141,
  "summary_wm_mad": 1396.3220879648582,
  "summary_wm_mean": 2336.0600168083997,
  "summary_wm_median": 1011.9147292524576,
  "summary_wm_n": 47140.0,
  "summary_wm_p05": 84.58470806479454,
  "summary_wm_p95": 5703.608900159597,
  "summary_wm_stdv": 2207.6925244043823,
  "tpm_overlap_csf": 0.1228617171801162,
  "tpm_overlap_gm": 0.4116690791707278,
  "tpm_overlap_wm": 0.036345466820299197,
  "wm2max": 0.1794300979519145
}