{
  "bids_meta": {
    "AcquisitionMatrixPE": 256,
    "AcquisitionNumber": 1,
    "AcquisitionTime": "09:14:51.000000",
    "BodyPartExamined": "BRAIN",
    "CoilString": "32Ch Head",
    "ConversionSoftware": "dcm2niix",
    "ConversionSoftwareVersion": "v1.0.20211006",
    "Dcm2bidsVersion": "2.1.6",
    "DeviceSerialNumber": "000301496mr3T5mr",
    "EchoTime": 0.066902,
    "EchoTrainLength": 140,
    "FlipAngle": 90,
    "ImageOrientationPatientDICOM": [
      0,
      1,
      0,
      0,
      0,
      -1
    ],
    "ImageType": [
      "ORIGINAL",
      "PRIMARY",
      "OTHER"
    ],
    "ImagingFrequency": 127.824,
    "InPlanePhaseEncodingDirectionDICOM": "ROW",
    "InstitutionName": "NIH FMRIF",
    "MRAcquisitionType": "3D",
    "MagneticFieldStrength": 3,
    "Manufacturer": "GE",
    "ManufacturersModelName": "DISCOVERY MR750",
    "Modality": "MR",
    "ParallelReductionFactorInPlane": 2,
    "ParallelReductionOutOfPlane": 1.5,
    "PatientPosition": "HFS",
    "PercentPhaseFOV": 100,
    "PercentSampling": 100,
    "PhaseEncodingAxis": "i",
    "PixelBandwidth": 244.141,
    "ProcedureStepDescription": "MRI Brain",
    "ProtocolName": "ADNI3 FMRIF Enhanced Pro",
    "ReconMatrixPE": 256,
    "RepetitionTime": 3.202,
    "SAR": 0.4873,
    "ScanOptions": "SAT_GEMS\\EDR_GEMS\\PROMO_GEMS\\FILTERED_GEMS\\ACC_GEMS\\FS\\FR_GEMS",
    "ScanningSequence": "RM",
    "SequenceVariant": "NONE",
    "SeriesDescription": "Anat T2w CUBE (ABCD)",
    "SeriesNumber": 4,
    "SliceThickness": 1,
    "SoftwareVersions": "27\\LX\\MR Software release:DV26.0_R03_1831.b",
    "SpacingBetweenSlices": 1,
    "StationName": "FMRI3ta",
    "acq_id": "CUBE",
    "dataset": "ds004215",
    "modality": "T2w",
    "rec_id": "SCIC",
    "session_id": "01",
    "subject_id": "ON42941"
  },
  "cjv": 1.05508604566822,
  "cnr": 0.5624981297051065,
  "efc": 0.4335125296594757,
  "fber": 3567.9892149800753,
  "fwhm_avg": 2.0875466666666664,
  "fwhm_x": 1.73358,
  "fwhm_y": 2.38957,
  "fwhm_z": 2.13949,
  "icvs_csf": 0.20425725916916862,
  "icvs_gm": 0.6414746282939537,
  "icvs_wm": 0.1542681125368776,
  "inu_med": 0.7512698173522949,
  "inu_range": 0.12549688816070548,
  "provenance": {
    "md5sum": "e987cef0baaae9119e803561e7b786a2",
    "settings": {
      "testing": false
    },
    "software": "mriqc",
    "version": "22.0.6",
    "warnings": {
      "large_rot_frame": true,
      "small_air_mask": false
    },
    "webapi_port": null,
    "webapi_url": "https://mriqc.nimh.nih.gov/api/v1"
  },
  "qi_1": 0.0,
  "qi_2": 0.030728087263939833,
  "rpve_csf": 26.072578281591458,
  "rpve_gm": 12.019395755305867,
  "rpve_wm": 49.27592457232301,
  "size_x": 204,
  "size_y": 256,
  "size_z": 256,
  "snr_csf": 5.942809234996887,
  "snr_gm": 10.25372483090295,
  "snr_total": 5.53009986047737,
  "snr_wm": 0.3937655155322725,
  "snrd_csf": 84.25379095541128,
  "snrd_gm": 54.961381019741204,
  "snrd_total": 53.929584712609056,
  "snrd_wm": 22.5735821626747,
  "spacing_x": 1.0,
  "spacing_y": 1.0,
  "spacing_z": 1.0,
  "summary_bg_k": 4.6278762198808465,
  "summary_bg_mad": 29.216714414245306,
  "summary_bg_mean": 17.031265284063174,
  "summary_bg_median": 19.706374406814575,
  "summary_bg_n": 2842942.0,
  "summary_bg_p05": 0.0,
  "summary_bg_p95": 44.53640615940094,
  "summary_bg_stdv": 20.54718467431186,
  "summary_csf_k": 1.5364184649506463,
  "summary_csf_mad": 459.14066701986496,
  "summary_csf_mean": 3887.2701032708915,
  "summary_csf_median": 3757.414408147335,
  "summary_csf_n": 3661.0,
  "summary_csf_p05": 3079.0224691927433,
  "summary_csf_p95": 5205.340267688036,
  "summary_csf_stdv": 632.1759721321705,
  "summary_gm_k": 0.15678674878749277,
  "summary_gm_mad": 238.11622247609924,
  "summary_gm_mean": 2466.543439942772,
  "summary_gm_median": 2451.078848719597,
  "summary_gm_n": 284102.0,
  "summary_gm_p05": 2103.2613404393196,
  "summary_gm_p95": 2881.953798530997,
  "summary_gm_stdv": 239.04235537882985,
  "summary_wm_k": -1.7080817906875583,
  "summary_wm_mad": 1285.8276013709358,
  "summary_wm_mean": 2636.924165209027,
  "summary_wm_median": 1006.7001365721226,
  "summary_wm_n": 33279.0,
  "summary_wm_p05": 116.66173648834229,
  "summary_wm_p95": 6159.335705909133,
  "summary_wm_stdv": 2556.5596061444276,
  "tpm_overlap_csf": 0.11728753121748713,
  "tpm_overlap_gm": 0.39443228764535104,
  "tpm_overlap_wm": 0.0325662669556703,
  "wm2max": 0.16307975144934597
}