{
  "aor": 0.032217777777777776,
  "aqi": 0.0015466738888888889,
  "bids_meta": {
    "AcquisitionMatrixPE": 64,
    "AcquisitionNumber": 1,
    "AcquisitionTime": "16:04:45.000000",
    "BodyPartExamined": "BRAIN",
    "CoilString": "32Ch Head",
    "ConversionSoftware": "dcm2niix",
    "ConversionSoftwareVersion": "v1.0.20211006",
    "Dcm2bidsVersion": "2.1.6",
    "DeviceSerialNumber": "000301496MR3T6MR",
    "EchoTime": 0.0169,
    "EffectiveEchoSpacing": 0.000416,
    "FlipAngle": 90,
    "ImageOrientationPatientDICOM": [
      1,
      0,
      0,
      0,
      1,
      0
    ],
    "ImageType": [
      "ORIGINAL",
      "PRIMARY",
      "OTHER"
    ],
    "ImagingFrequency": 127.697,
    "InPlanePhaseEncodingDirectionDICOM": "COL",
    "InstitutionName": "NIH FMRIF",
    "InternalPulseSequenceName": "EPI",
    "MRAcquisitionType": "2D",
    "MagneticFieldStrength": 3,
    "Manufacturer": "GE",
    "ManufacturersModelName": "DISCOVERY MR750",
    "Modality": "MR",
    "PatientPosition": "HFS",
    "PercentPhaseFOV": 100,
    "PercentSampling": 100,
    "PhaseEncodingDirection": "j-",
    "PhaseEncodingPolarityGE": "Unflipped",
    "PixelBandwidth": 7812.5,
    "ProcedureStepDescription": "MRI Brain",
    "ProtocolName": "ADNI3 FMRIF Enhanced Pro",
    "PulseSequenceName": "epi",
    "ReconMatrixPE": 64,
    "RepetitionTime": 3,
    "SAR": 0.201653,
    "ScanOptions": "MP_GEMS\\EPI_GEMS\\PFF",
    "ScanningSequence": "EP\\GR",
    "SequenceVariant": "SS",
    "SeriesDescription": "Axial rsfMRI reverse blip - RKV",
    "SeriesNumber": 11,
    "SliceThickness": 3.4,
    "SliceTiming": [
      0,
      1.5,
      0.0625,
      1.5625,
      0.125,
      1.625,
      0.1875,
      1.6875,
      0.25,
      1.75,
      0.3125,
      1.8125,
      0.375,
      1.875,
      0.4375,
      1.9375,
      0.5,
      2,
      0.5625,
      2.0625,
      0.625,
      2.125,
      0.6875,
      2.1875,
      0.75,
      2.25,
      0.8125,
      2.3125,
      0.875,
      2.375,
      0.9375,
      2.4375,
      1,
      2.5,
      1.0625,
      2.5625,
      1.125,
      2.625,
      1.1875,
      2.6875,
      1.25,
      2.75,
      1.3125,
      2.8125,
      1.375,
      2.875,
      1.4375,
      2.9375
    ],
    "SoftwareVersions": "27\\LX\\MR Software release:DV26.0_R03_1831.b",
    "SpacingBetweenSlices": 3.4,
    "StationName": "FMRI3tb",
    "TaskName": "Resting state with reverse blip.",
    "TotalReadoutTime": 0.026208,
    "TriggerDelayTime": 29938,
    "dataset": "ds004215",
    "modality": "bold",
    "session_id": "01",
    "subject_id": "ON95422",
    "task_id": "rest"
  },
  "dummy_trs": 1,
  "dvars_nstd": 20.576628803749998,
  "dvars_std": 1.81494305875,
  "dvars_vstd": 1.2969576125,
  "efc": 0.5091652274857948,
  "fber": 4325.32958984375,
  "fd_mean": 0.07245641945247466,
  "fd_num": 0,
  "fd_perc": 0.0,
  "fwhm_avg": 2.73843325491924,
  "fwhm_x": 2.6916189090909093,
  "fwhm_y": 2.5925498181818183,
  "fwhm_z": 2.9311310374849935,
  "gcor": 0.0556299,
  "gsr_x": -0.00040801509749144316,
  "gsr_y": 0.06317725777626038,
  "provenance": {
    "md5sum": "22e93f1552fea5116d6722b55d5a68d7",
    "settings": {
      "fd_thres": 0.2,
      "testing": false
    },
    "software": "mriqc",
    "version": "22.0.6",
    "webapi_port": null,
    "webapi_url": "https://mriqc.nimh.nih.gov/api/v1"
  },
  "size_t": 9,
  "size_x": 64,
  "size_y": 64,
  "size_z": 48,
  "snr": 3.8938565602104283,
  "spacing_tr": 3.0,
  "spacing_x": 3.4375,
  "spacing_y": 3.4375,
  "spacing_z": 3.4000015258789062,
  "summary_bg_k": 11.170067709037431,
  "summary_bg_mad": 15.64968977002143,
  "summary_bg_mean": 170.399658203125,
  "summary_bg_median": 39.77777862548828,
  "summary_bg_n": 123460.0,
  "summary_bg_p05": 25.0,
  "summary_bg_p95": 905.7777709960938,
  "summary_bg_stdv": 315.79632568359375,
  "summary_fg_k": 3.8174225110712063,
  "summary_fg_mad": 569.483945267826,
  "summary_fg_mean": 2676.096923828125,
  "summary_fg_median": 2615.77783203125,
  "summary_fg_n": 32699.0,
  "summary_fg_p05": 1699.7667114257813,
  "summary_fg_p95": 3784.8333984374976,
  "summary_fg_stdv": 671.7601928710938,
  "tsnr": 159.34362438507378
}