{
  "aor": 0.008743467336683417,
  "aqi": 0.004735899949748743,
  "bids_meta": {
    "AcquisitionMatrixPE": 64,
    "AcquisitionNumber": 1,
    "AcquisitionTime": "15:54:10.000000",
    "BodyPartExamined": "BRAIN",
    "CoilString": "32Ch Head",
    "ConversionSoftware": "dcm2niix",
    "ConversionSoftwareVersion": "v1.0.20211006",
    "Dcm2bidsVersion": "2.1.6",
    "DeviceSerialNumber": "000301496MR3T6MR",
    "EchoTime": 0.0169,
    "EffectiveEchoSpacing": 0.000416,
    "FlipAngle": 90,
    "ImageOrientationPatientDICOM": [
      1,
      0,
      0,
      0,
      1,
      0
    ],
    "ImageType": [
      "ORIGINAL",
      "PRIMARY",
      "OTHER"
    ],
    "ImagingFrequency": 127.697,
    "InPlanePhaseEncodingDirectionDICOM": "COL",
    "InstitutionName": "NIH FMRIF",
    "InternalPulseSequenceName": "EPI",
    "MRAcquisitionType": "2D",
    "MagneticFieldStrength": 3,
    "Manufacturer": "GE",
    "ManufacturersModelName": "DISCOVERY MR750",
    "Modality": "MR",
    "PatientPosition": "HFS",
    "PercentPhaseFOV": 100,
    "PercentSampling": 100,
    "PhaseEncodingDirection": "j",
    "PhaseEncodingPolarityGE": "Flipped",
    "PixelBandwidth": 7812.5,
    "ProcedureStepDescription": "MRI Brain",
    "ProtocolName": "ADNI3 FMRIF Enhanced Pro",
    "PulseSequenceName": "epi",
    "ReconMatrixPE": 64,
    "RepetitionTime": 3,
    "SAR": 0.203414,
    "ScanOptions": "MP_GEMS\\EPI_GEMS\\PFF",
    "ScanningSequence": "EP\\GR",
    "SequenceVariant": "SS",
    "SeriesDescription": "Axial rsfMRI with Eyes Open - RKV",
    "SeriesNumber": 10,
    "SliceThickness": 3.4,
    "SliceTiming": [
      0,
      1.5,
      0.0625,
      1.5625,
      0.125,
      1.625,
      0.1875,
      1.6875,
      0.25,
      1.75,
      0.3125,
      1.8125,
      0.375,
      1.875,
      0.4375,
      1.9375,
      0.5,
      2,
      0.5625,
      2.0625,
      0.625,
      2.125,
      0.6875,
      2.1875,
      0.75,
      2.25,
      0.8125,
      2.3125,
      0.875,
      2.375,
      0.9375,
      2.4375,
      1,
      2.5,
      1.0625,
      2.5625,
      1.125,
      2.625,
      1.1875,
      2.6875,
      1.25,
      2.75,
      1.3125,
      2.8125,
      1.375,
      2.875,
      1.4375,
      2.9375
    ],
    "SoftwareVersions": "27\\LX\\MR Software release:DV26.0_R03_1831.b",
    "SpacingBetweenSlices": 3.4,
    "StationName": "FMRI3tb",
    "TaskName": "Resting state with eyes open.",
    "TotalReadoutTime": 0.026208,
    "TriggerDelayTime": 599938,
    "dataset": "ds004215",
    "modality": "bold",
    "session_id": "01",
    "subject_id": "ON95422",
    "task_id": "rest"
  },
  "dummy_trs": 1,
  "dvars_nstd": 15.236829170050497,
  "dvars_std": 1.2764148958585855,
  "dvars_vstd": 1.0035627234343434,
  "efc": 0.5180928169786349,
  "fber": 3812.18017578125,
  "fd_mean": 0.09604886682318733,
  "fd_num": 15,
  "fd_perc": 7.5376884422110555,
  "fwhm_avg": 2.7606160102241994,
  "fwhm_x": 2.687746909090909,
  "fwhm_y": 2.6120436363636363,
  "fwhm_z": 2.9820574852180544,
  "gcor": 0.0366826,
  "gsr_x": -0.008733557537198067,
  "gsr_y": 0.07797060906887054,
  "provenance": {
    "md5sum": "7e80ec9f586d988559b134b780f013ad",
    "settings": {
      "fd_thres": 0.2,
      "testing": false
    },
    "software": "mriqc",
    "version": "22.0.6",
    "webapi_port": null,
    "webapi_url": "https://mriqc.nimh.nih.gov/api/v1"
  },
  "size_t": 199,
  "size_x": 64,
  "size_y": 64,
  "size_z": 48,
  "snr": 3.7058843855816095,
  "spacing_tr": 3.0,
  "spacing_x": 3.4375,
  "spacing_y": 3.4375,
  "spacing_z": 3.4000015258789062,
  "summary_bg_k": 14.789584770269535,
  "summary_bg_mad": 21.650460941866516,
  "summary_bg_mean": 197.69778442382812,
  "summary_bg_median": 41.66331481933594,
  "summary_bg_n": 123820.0,
  "summary_bg_p05": 19.472362518310547,
  "summary_bg_p95": 1024.8789123535146,
  "summary_bg_stdv": 370.9425048828125,
  "summary_fg_k": 1.9289540489044752,
  "summary_fg_mad": 602.1786542494513,
  "summary_fg_mean": 2619.501708984375,
  "summary_fg_median": 2541.79150390625,
  "summary_fg_n": 33484.0,
  "summary_fg_p05": 1647.3414123535156,
  "summary_fg_p95": 3830.2770263671873,
  "summary_fg_stdv": 685.86962890625,
  "tsnr": 77.20411889255047
}