{
  "aor": 0.04140777777777777,
  "aqi": 0.0006766851111111111,
  "bids_meta": {
    "AcquisitionMatrixPE": 64,
    "AcquisitionNumber": 1,
    "AcquisitionTime": "16:04:7.000000",
    "BodyPartExamined": "BRAIN",
    "CoilString": "32Ch Head",
    "ConversionSoftware": "dcm2niix",
    "ConversionSoftwareVersion": "v1.0.20211006",
    "Dcm2bidsVersion": "2.1.6",
    "DeviceSerialNumber": "000301496MR3T6MR",
    "EchoTime": 0.0169,
    "EffectiveEchoSpacing": 0.000416,
    "FlipAngle": 90,
    "ImageOrientationPatientDICOM": [
      1,
      0,
      0,
      0,
      1,
      0
    ],
    "ImageType": [
      "ORIGINAL",
      "PRIMARY",
      "OTHER"
    ],
    "ImagingFrequency": 127.697,
    "InPlanePhaseEncodingDirectionDICOM": "COL",
    "InstitutionName": "NIH FMRIF",
    "InternalPulseSequenceName": "EPI",
    "MRAcquisitionType": "2D",
    "MagneticFieldStrength": 3,
    "Manufacturer": "GE",
    "ManufacturersModelName": "DISCOVERY MR750",
    "Modality": "MR",
    "PatientPosition": "HFS",
    "PercentPhaseFOV": 100,
    "PercentSampling": 100,
    "PhaseEncodingDirection": "j-",
    "PhaseEncodingPolarityGE": "Unflipped",
    "PixelBandwidth": 7812.5,
    "ProcedureStepDescription": "MRI Brain",
    "ProtocolName": "ADNI3 FMRIF Enhanced Pro",
    "PulseSequenceName": "epi",
    "ReconMatrixPE": 64,
    "RepetitionTime": 3,
    "SAR": 0.176964,
    "ScanOptions": "MP_GEMS\\EPI_GEMS\\PFF",
    "ScanningSequence": "EP\\GR",
    "SequenceVariant": "SS",
    "SeriesDescription": "Axial rsfMRI reverse blip - RKV",
    "SeriesNumber": 12,
    "SliceThickness": 3.4,
    "SliceTiming": [
      0,
      1.5,
      0.0625,
      1.5625,
      0.125,
      1.625,
      0.1875,
      1.6875,
      0.25,
      1.75,
      0.3125,
      1.8125,
      0.375,
      1.875,
      0.4375,
      1.9375,
      0.5,
      2,
      0.5625,
      2.0625,
      0.625,
      2.125,
      0.6875,
      2.1875,
      0.75,
      2.25,
      0.8125,
      2.3125,
      0.875,
      2.375,
      0.9375,
      2.4375,
      1,
      2.5,
      1.0625,
      2.5625,
      1.125,
      2.625,
      1.1875,
      2.6875,
      1.25,
      2.75,
      1.3125,
      2.8125,
      1.375,
      2.875,
      1.4375,
      2.9375
    ],
    "SoftwareVersions": "27\\LX\\MR Software release:DV26.0_R01_1725.a",
    "SpacingBetweenSlices": 3.4,
    "StationName": "fmrif3tb",
    "TaskName": "Resting state with reverse blip.",
    "TotalReadoutTime": 0.026208,
    "TriggerDelayTime": 29938,
    "dataset": "ds004215",
    "modality": "bold",
    "session_id": "01",
    "subject_id": "ON25658",
    "task_id": "rest"
  },
  "dummy_trs": 1,
  "dvars_nstd": 10.902342317499999,
  "dvars_std": 1.3942771975000001,
  "dvars_vstd": 1.3959176850000001,
  "efc": 0.4661379900135303,
  "fber": 4929.712890625,
  "fd_mean": 0.04542294604009818,
  "fd_num": 0,
  "fd_perc": 0.0,
  "fwhm_avg": 2.4630646924723294,
  "fwhm_x": 2.429044363636364,
  "fwhm_y": 2.3825832727272727,
  "fwhm_z": 2.5775664410533508,
  "gcor": 0.0269321,
  "gsr_x": -0.006485982798039913,
  "gsr_y": 0.05487892031669617,
  "provenance": {
    "md5sum": "805ed42f533bfe59d6a123c7f74b5902",
    "settings": {
      "fd_thres": 0.2,
      "testing": false
    },
    "software": "mriqc",
    "version": "22.0.6",
    "webapi_port": null,
    "webapi_url": "https://mriqc.nimh.nih.gov/api/v1"
  },
  "size_t": 9,
  "size_x": 64,
  "size_y": 64,
  "size_z": 48,
  "snr": 4.5730704370006885,
  "spacing_tr": 3.0,
  "spacing_x": 3.4375,
  "spacing_y": 3.4375,
  "spacing_z": 3.3999977111816406,
  "summary_bg_k": 18.48110195563232,
  "summary_bg_mad": 10.707684260228966,
  "summary_bg_mean": 132.68072509765625,
  "summary_bg_median": 34.55555725097656,
  "summary_bg_n": 133777.0,
  "summary_bg_p05": 24.55555534362793,
  "summary_bg_p95": 658.2222290039062,
  "summary_bg_stdv": 248.02255249023438,
  "summary_fg_k": 1.986820581530651,
  "summary_fg_mad": 465.8668452975409,
  "summary_fg_mean": 2482.254150390625,
  "summary_fg_median": 2414.444580078125,
  "summary_fg_n": 26124.0,
  "summary_fg_p05": 1730.0,
  "summary_fg_p95": 3398.394555664062,
  "summary_fg_stdv": 527.9600219726562,
  "tsnr": 198.37192123755813
}