{
  "aor": 0.0021358291457286432,
  "aqi": 0.0015812799899497486,
  "bids_meta": {
    "AcquisitionMatrixPE": 64,
    "AcquisitionNumber": 1,
    "AcquisitionTime": "15:53:17.000000",
    "BodyPartExamined": "BRAIN",
    "CoilString": "32Ch Head",
    "ConversionSoftware": "dcm2niix",
    "ConversionSoftwareVersion": "v1.0.20211006",
    "Dcm2bidsVersion": "2.1.6",
    "DeviceSerialNumber": "000301496MR3T6MR",
    "EchoTime": 0.0169,
    "EffectiveEchoSpacing": 0.000416,
    "FlipAngle": 90,
    "ImageOrientationPatientDICOM": [
      1,
      0,
      0,
      0,
      1,
      0
    ],
    "ImageType": [
      "ORIGINAL",
      "PRIMARY",
      "OTHER"
    ],
    "ImagingFrequency": 127.697,
    "InPlanePhaseEncodingDirectionDICOM": "COL",
    "InstitutionName": "NIH FMRIF",
    "InternalPulseSequenceName": "EPI",
    "MRAcquisitionType": "2D",
    "MagneticFieldStrength": 3,
    "Manufacturer": "GE",
    "ManufacturersModelName": "DISCOVERY MR750",
    "Modality": "MR",
    "PatientPosition": "HFS",
    "PercentPhaseFOV": 100,
    "PercentSampling": 100,
    "PhaseEncodingDirection": "j",
    "PhaseEncodingPolarityGE": "Flipped",
    "PixelBandwidth": 7812.5,
    "ProcedureStepDescription": "MRI Brain",
    "ProtocolName": "ADNI3 FMRIF Enhanced Pro",
    "PulseSequenceName": "epi",
    "ReconMatrixPE": 64,
    "RepetitionTime": 3,
    "SAR": 0.176128,
    "ScanOptions": "MP_GEMS\\EPI_GEMS\\PFF",
    "ScanningSequence": "EP\\GR",
    "SequenceVariant": "SS",
    "SeriesDescription": "Axial rsfMRI with Eyes Open - RKV",
    "SeriesNumber": 11,
    "SliceThickness": 3.4,
    "SliceTiming": [
      0,
      1.5,
      0.0625,
      1.5625,
      0.125,
      1.625,
      0.1875,
      1.6875,
      0.25,
      1.75,
      0.3125,
      1.8125,
      0.375,
      1.875,
      0.4375,
      1.9375,
      0.5,
      2,
      0.5625,
      2.0625,
      0.625,
      2.125,
      0.6875,
      2.1875,
      0.75,
      2.25,
      0.8125,
      2.3125,
      0.875,
      2.375,
      0.9375,
      2.4375,
      1,
      2.5,
      1.0625,
      2.5625,
      1.125,
      2.625,
      1.1875,
      2.6875,
      1.25,
      2.75,
      1.3125,
      2.8125,
      1.375,
      2.875,
      1.4375,
      2.9375
    ],
    "SoftwareVersions": "27\\LX\\MR Software release:DV26.0_R01_1725.a",
    "SpacingBetweenSlices": 3.4,
    "StationName": "fmrif3tb",
    "TaskName": "Resting state with eyes open.",
    "TotalReadoutTime": 0.026208,
    "TriggerDelayTime": 599938,
    "dataset": "ds004215",
    "modality": "bold",
    "session_id": "01",
    "subject_id": "ON25658",
    "task_id": "rest"
  },
  "dummy_trs": 1,
  "dvars_nstd": 9.518387888333342,
  "dvars_std": 1.1492258618181812,
  "dvars_vstd": 0.9612302396969695,
  "efc": 0.4613419075620123,
  "fber": 4887.51025390625,
  "fd_mean": 0.035323234391427344,
  "fd_num": 0,
  "fd_perc": 0.0,
  "fwhm_avg": 2.5560090949211216,
  "fwhm_x": 2.5505134545454546,
  "fwhm_y": 2.4146443636363637,
  "fwhm_z": 2.7028694665815465,
  "gcor": 0.0261975,
  "gsr_x": -0.0013308352790772915,
  "gsr_y": 0.05016516149044037,
  "provenance": {
    "md5sum": "f0378a2e0e622eae16f80ecf6fde1b32",
    "settings": {
      "fd_thres": 0.2,
      "testing": false
    },
    "software": "mriqc",
    "version": "22.0.6",
    "webapi_port": null,
    "webapi_url": "https://mriqc.nimh.nih.gov/api/v1"
  },
  "size_t": 199,
  "size_x": 64,
  "size_y": 64,
  "size_z": 48,
  "snr": 4.162645259641704,
  "spacing_tr": 3.0,
  "spacing_x": 3.4375,
  "spacing_y": 3.4375,
  "spacing_z": 3.3999977111816406,
  "summary_bg_k": 19.538961347404335,
  "summary_bg_mad": 11.905517404088666,
  "summary_bg_mean": 138.90264892578125,
  "summary_bg_median": 35.3668327331543,
  "summary_bg_n": 135056.0,
  "summary_bg_p05": 23.793970108032227,
  "summary_bg_p95": 688.0653381347656,
  "summary_bg_stdv": 258.5594787597656,
  "summary_fg_k": 1.3995540881821968,
  "summary_fg_mad": 527.530573652618,
  "summary_fg_mean": 2511.66943359375,
  "summary_fg_median": 2444.53759765625,
  "summary_fg_n": 25437.0,
  "summary_fg_p05": 1672.673388671875,
  "summary_fg_p95": 3546.8532714843745,
  "summary_fg_stdv": 587.2442626953125,
  "tsnr": 128.2385652512312
}