{
  "aor": 0.03408777777777778,
  "aqi": 0.0017737673333333333,
  "bids_meta": {
    "AcquisitionMatrixPE": 64,
    "AcquisitionNumber": 1,
    "AcquisitionTime": "12:22:53.000000",
    "BodyPartExamined": "BRAIN",
    "CoilString": "32Ch Head",
    "ConversionSoftware": "dcm2niix",
    "ConversionSoftwareVersion": "v1.0.20211006",
    "Dcm2bidsVersion": "2.1.6",
    "DeviceSerialNumber": "000301496mr3T5mr",
    "EchoTime": 0.0169,
    "EffectiveEchoSpacing": 0.000416,
    "FlipAngle": 90,
    "ImageOrientationPatientDICOM": [
      1,
      0,
      0,
      0,
      1,
      0
    ],
    "ImageType": [
      "ORIGINAL",
      "PRIMARY",
      "OTHER"
    ],
    "ImagingFrequency": 127.824,
    "InPlanePhaseEncodingDirectionDICOM": "COL",
    "InstitutionName": "NIH FMRIF",
    "InternalPulseSequenceName": "EPI",
    "MRAcquisitionType": "2D",
    "MagneticFieldStrength": 3,
    "Manufacturer": "GE",
    "ManufacturersModelName": "DISCOVERY MR750",
    "Modality": "MR",
    "PatientPosition": "HFS",
    "PercentPhaseFOV": 100,
    "PercentSampling": 100,
    "PhaseEncodingDirection": "j",
    "PhaseEncodingPolarityGE": "Flipped",
    "PixelBandwidth": 7812.5,
    "ProcedureStepDescription": "MRI Brain",
    "ProtocolName": "ADNI3 FMRIF Enhanced Pro",
    "PulseSequenceName": "epi",
    "ReconMatrixPE": 64,
    "RepetitionTime": 3,
    "SAR": 0.184916,
    "ScanOptions": "MP_GEMS\\EPI_GEMS\\PFF",
    "ScanningSequence": "EP\\GR",
    "SequenceVariant": "SS",
    "SeriesDescription": "Axial rsfMRI reverse blip - RKV",
    "SeriesNumber": 11,
    "SliceThickness": 3.4,
    "SliceTiming": [
      0,
      1.5,
      0.0625,
      1.5625,
      0.125,
      1.625,
      0.1875,
      1.6875,
      0.25,
      1.75,
      0.3125,
      1.8125,
      0.375,
      1.875,
      0.4375,
      1.9375,
      0.5,
      2,
      0.5625,
      2.0625,
      0.625,
      2.125,
      0.6875,
      2.1875,
      0.75,
      2.25,
      0.8125,
      2.3125,
      0.875,
      2.375,
      0.9375,
      2.4375,
      1,
      2.5,
      1.0625,
      2.5625,
      1.125,
      2.625,
      1.1875,
      2.6875,
      1.25,
      2.75,
      1.3125,
      2.8125,
      1.375,
      2.875,
      1.4375,
      2.9375
    ],
    "SoftwareVersions": "27\\LX\\MR Software release:DV26.0_R03_1831.b",
    "SpacingBetweenSlices": 3.4,
    "StationName": "FMRI3ta",
    "TaskName": "Resting state with reverse blip.",
    "TotalReadoutTime": 0.026208,
    "TriggerDelayTime": 29938,
    "dataset": "ds004215",
    "modality": "bold",
    "session_id": "01",
    "subject_id": "ON87092",
    "task_id": "rest"
  },
  "dummy_trs": 1,
  "dvars_nstd": 12.82238853,
  "dvars_std": 1.36804027875,
  "dvars_vstd": 1.3698818087500002,
  "efc": 0.48323029858544003,
  "fber": 4194.14453125,
  "fd_mean": 0.13105052937272266,
  "fd_num": 2,
  "fd_perc": 22.22222222222222,
  "fwhm_avg": 2.7308681665179204,
  "fwhm_x": 2.635659636363636,
  "fwhm_y": 2.6187461818181816,
  "fwhm_z": 2.938198681371944,
  "gcor": 0.086512,
  "gsr_x": -0.0015534724807366729,
  "gsr_y": 0.0655769631266594,
  "provenance": {
    "md5sum": "789b887f74f983490cbc654fcfc998c6",
    "settings": {
      "fd_thres": 0.2,
      "testing": false
    },
    "software": "mriqc",
    "version": "22.0.6",
    "webapi_port": null,
    "webapi_url": "https://mriqc.nimh.nih.gov/api/v1"
  },
  "size_t": 9,
  "size_x": 64,
  "size_y": 64,
  "size_z": 48,
  "snr": 4.142039880258759,
  "spacing_tr": 3.0,
  "spacing_x": 3.4375,
  "spacing_y": 3.4375,
  "spacing_z": 3.4000015258789062,
  "summary_bg_k": 25.789050346158305,
  "summary_bg_mad": 11.696081968780282,
  "summary_bg_mean": 137.91357421875,
  "summary_bg_median": 35.11111068725586,
  "summary_bg_n": 130194.0,
  "summary_bg_p05": 23.66666603088379,
  "summary_bg_p95": 678.705566406249,
  "summary_bg_stdv": 261.6614685058594,
  "summary_fg_k": 1.1136088618332334,
  "summary_fg_mad": 487.77612988834306,
  "summary_fg_mean": 2328.134521484375,
  "summary_fg_median": 2251.111083984375,
  "summary_fg_n": 29189.0,
  "summary_fg_p05": 1558.6666259765625,
  "summary_fg_p95": 3320.8000488281245,
  "summary_fg_stdv": 543.4695434570312,
  "tsnr": 173.90277219749987
}