{
  "aor": 0.005521557788944724,
  "aqi": 0.004910263618090453,
  "bids_meta": {
    "AcquisitionMatrixPE": 64,
    "AcquisitionNumber": 1,
    "AcquisitionTime": "12:12:21.000000",
    "BodyPartExamined": "BRAIN",
    "CoilString": "32Ch Head",
    "ConversionSoftware": "dcm2niix",
    "ConversionSoftwareVersion": "v1.0.20211006",
    "Dcm2bidsVersion": "2.1.6",
    "DeviceSerialNumber": "000301496mr3T5mr",
    "EchoTime": 0.0169,
    "EffectiveEchoSpacing": 0.000416,
    "FlipAngle": 90,
    "ImageOrientationPatientDICOM": [
      1,
      0,
      0,
      0,
      1,
      0
    ],
    "ImageType": [
      "ORIGINAL",
      "PRIMARY",
      "OTHER"
    ],
    "ImagingFrequency": 127.824,
    "InPlanePhaseEncodingDirectionDICOM": "COL",
    "InstitutionName": "NIH FMRIF",
    "InternalPulseSequenceName": "EPI",
    "MRAcquisitionType": "2D",
    "MagneticFieldStrength": 3,
    "Manufacturer": "GE",
    "ManufacturersModelName": "DISCOVERY MR750",
    "Modality": "MR",
    "PatientPosition": "HFS",
    "PercentPhaseFOV": 100,
    "PercentSampling": 100,
    "PhaseEncodingDirection": "j",
    "PhaseEncodingPolarityGE": "Flipped",
    "PixelBandwidth": 7812.5,
    "ProcedureStepDescription": "MRI Brain",
    "ProtocolName": "ADNI3 FMRIF Enhanced Pro",
    "PulseSequenceName": "epi",
    "ReconMatrixPE": 64,
    "RepetitionTime": 3,
    "SAR": 0.184916,
    "ScanOptions": "MP_GEMS\\EPI_GEMS\\PFF",
    "ScanningSequence": "EP\\GR",
    "SequenceVariant": "SS",
    "SeriesDescription": "Axial rsfMRI with Eyes Open - RKV",
    "SeriesNumber": 10,
    "SliceThickness": 3.4,
    "SliceTiming": [
      0,
      1.5,
      0.0625,
      1.5625,
      0.125,
      1.625,
      0.1875,
      1.6875,
      0.25,
      1.75,
      0.3125,
      1.8125,
      0.375,
      1.875,
      0.4375,
      1.9375,
      0.5,
      2,
      0.5625,
      2.0625,
      0.625,
      2.125,
      0.6875,
      2.1875,
      0.75,
      2.25,
      0.8125,
      2.3125,
      0.875,
      2.375,
      0.9375,
      2.4375,
      1,
      2.5,
      1.0625,
      2.5625,
      1.125,
      2.625,
      1.1875,
      2.6875,
      1.25,
      2.75,
      1.3125,
      2.8125,
      1.375,
      2.875,
      1.4375,
      2.9375
    ],
    "SoftwareVersions": "27\\LX\\MR Software release:DV26.0_R03_1831.b",
    "SpacingBetweenSlices": 3.4,
    "StationName": "FMRI3ta",
    "TaskName": "Resting state with eyes open.",
    "TotalReadoutTime": 0.026208,
    "TriggerDelayTime": 599938,
    "dataset": "ds004215",
    "modality": "bold",
    "session_id": "01",
    "subject_id": "ON87092",
    "task_id": "rest"
  },
  "dummy_trs": 1,
  "dvars_nstd": 14.352363023080809,
  "dvars_std": 1.2101423656060613,
  "dvars_vstd": 1.005676541111111,
  "efc": 0.48485876130550276,
  "fber": 3920.29638671875,
  "fd_mean": 0.20072106797905764,
  "fd_num": 70,
  "fd_perc": 35.175879396984925,
  "fwhm_avg": 2.700505454270742,
  "fwhm_x": 2.5768814545454544,
  "fwhm_y": 2.615383272727273,
  "fwhm_z": 2.909251635539499,
  "gcor": 0.0682657,
  "gsr_x": -0.003866987070068717,
  "gsr_y": 0.07033323496580124,
  "provenance": {
    "md5sum": "cdbf9f01d879948b443874c867748e9b",
    "settings": {
      "fd_thres": 0.2,
      "testing": false
    },
    "software": "mriqc",
    "version": "22.0.6",
    "webapi_port": null,
    "webapi_url": "https://mriqc.nimh.nih.gov/api/v1"
  },
  "size_t": 199,
  "size_x": 64,
  "size_y": 64,
  "size_z": 48,
  "snr": 4.166810666848247,
  "spacing_tr": 3.0,
  "spacing_x": 3.4375,
  "spacing_y": 3.4375,
  "spacing_z": 3.4000015258789062,
  "summary_bg_k": 33.956158386904946,
  "summary_bg_mad": 16.226670792388923,
  "summary_bg_mean": 140.5067138671875,
  "summary_bg_median": 36.38190841674805,
  "summary_bg_n": 130176.0,
  "summary_bg_p05": 18.30653190612793,
  "summary_bg_p95": 679.0980072021484,
  "summary_bg_stdv": 271.20086669921875,
  "summary_fg_k": 1.047986701740463,
  "summary_fg_mad": 484.4904973229304,
  "summary_fg_mean": 2315.3203125,
  "summary_fg_median": 2241.0048828125,
  "summary_fg_n": 29328.0,
  "summary_fg_p05": 1549.9987182617188,
  "summary_fg_p95": 3297.722900390624,
  "summary_fg_stdv": 537.8134155273438,
  "tsnr": 90.07377929799259
}