{
  "aor": 0.019889447236180902,
  "aqi": 0.005007843050251256,
  "bids_meta": {
    "AcquisitionMatrixPE": 64,
    "AcquisitionNumber": 1,
    "AcquisitionTime": "16:01:22.000000",
    "BodyPartExamined": "BRAIN",
    "CoilString": "32Ch Head",
    "ConversionSoftware": "dcm2niix",
    "ConversionSoftwareVersion": "v1.0.20211006",
    "Dcm2bidsVersion": "2.1.6",
    "DeviceSerialNumber": "000301496MR3T6MR",
    "EchoTime": 0.0169,
    "EffectiveEchoSpacing": 0.000416,
    "FlipAngle": 90,
    "ImageOrientationPatientDICOM": [
      1,
      0,
      0,
      0,
      1,
      0
    ],
    "ImageType": [
      "ORIGINAL",
      "PRIMARY",
      "OTHER"
    ],
    "ImagingFrequency": 127.697,
    "InPlanePhaseEncodingDirectionDICOM": "COL",
    "InstitutionName": "NIH FMRIF",
    "InternalPulseSequenceName": "EPI",
    "MRAcquisitionType": "2D",
    "MagneticFieldStrength": 3,
    "Manufacturer": "GE",
    "ManufacturersModelName": "DISCOVERY MR750",
    "Modality": "MR",
    "PatientPosition": "HFS",
    "PercentPhaseFOV": 100,
    "PercentSampling": 100,
    "PhaseEncodingDirection": "j",
    "PhaseEncodingPolarityGE": "Flipped",
    "PixelBandwidth": 7812.5,
    "ProcedureStepDescription": "MRI Brain",
    "ProtocolName": "ADNI3 FMRIF Enhanced Pro",
    "PulseSequenceName": "epi",
    "ReconMatrixPE": 64,
    "RepetitionTime": 3,
    "SAR": 0.208898,
    "ScanOptions": "MP_GEMS\\EPI_GEMS\\PFF",
    "ScanningSequence": "EP\\GR",
    "SequenceVariant": "SS",
    "SeriesDescription": "Axial rsfMRI with Eyes Open - RKV",
    "SeriesNumber": 10,
    "SliceThickness": 3.4,
    "SliceTiming": [
      0,
      1.5,
      0.0625,
      1.5625,
      0.125,
      1.625,
      0.1875,
      1.6875,
      0.25,
      1.75,
      0.3125,
      1.8125,
      0.375,
      1.875,
      0.4375,
      1.9375,
      0.5,
      2,
      0.5625,
      2.0625,
      0.625,
      2.125,
      0.6875,
      2.1875,
      0.75,
      2.25,
      0.8125,
      2.3125,
      0.875,
      2.375,
      0.9375,
      2.4375,
      1,
      2.5,
      1.0625,
      2.5625,
      1.125,
      2.625,
      1.1875,
      2.6875,
      1.25,
      2.75,
      1.3125,
      2.8125,
      1.375,
      2.875,
      1.4375,
      2.9375
    ],
    "SoftwareVersions": "27\\LX\\MR Software release:DV26.0_R03_1831.b",
    "SpacingBetweenSlices": 3.4,
    "StationName": "FMRI3tb",
    "TaskName": "Resting state with eyes open.",
    "TotalReadoutTime": 0.026208,
    "TriggerDelayTime": 599938,
    "dataset": "ds004215",
    "modality": "bold",
    "session_id": "01",
    "subject_id": "ON95259",
    "task_id": "rest"
  },
  "dummy_trs": 1,
  "dvars_nstd": 10.872715540757575,
  "dvars_std": 0.98421113989899,
  "dvars_vstd": 0.8998664771717174,
  "efc": 0.4643363365564711,
  "fber": 3995.465576171875,
  "fd_mean": 0.10890457327629369,
  "fd_num": 14,
  "fd_perc": 7.035175879396985,
  "fwhm_avg": 2.4738386143339395,
  "fwhm_x": 2.4364974545454547,
  "fwhm_y": 2.3235578181818184,
  "fwhm_z": 2.661460570274546,
  "gcor": 0.0620133,
  "gsr_x": -0.005626268219202757,
  "gsr_y": 0.021625574678182602,
  "provenance": {
    "md5sum": "c6bafa29fa1853e74b7f36de0bfc8642",
    "settings": {
      "fd_thres": 0.2,
      "testing": false
    },
    "software": "mriqc",
    "version": "22.0.6",
    "webapi_port": null,
    "webapi_url": "https://mriqc.nimh.nih.gov/api/v1"
  },
  "size_t": 199,
  "size_x": 64,
  "size_y": 64,
  "size_z": 48,
  "snr": 4.921235504179043,
  "spacing_tr": 3.0,
  "spacing_x": 3.4375,
  "spacing_y": 3.4375,
  "spacing_z": 3.4000015258789062,
  "summary_bg_k": 38.48607861354889,
  "summary_bg_mad": 20.816036256148855,
  "summary_bg_mean": 160.58876037597656,
  "summary_bg_median": 41.35678482055664,
  "summary_bg_n": 138606.0,
  "summary_bg_p05": 24.497488021850586,
  "summary_bg_p95": 680.8781280517578,
  "summary_bg_stdv": 299.7646484375,
  "summary_fg_k": 1.0244342985502346,
  "summary_fg_mad": 468.569445264453,
  "summary_fg_mean": 2529.791748046875,
  "summary_fg_median": 2478.28662109375,
  "summary_fg_n": 23112.0,
  "summary_fg_p05": 1795.4226196289062,
  "summary_fg_p95": 3411.1667602539064,
  "summary_fg_stdv": 503.5794372558594,
  "tsnr": 79.805187957827
}