{
  "aor": 0.03431555555555556,
  "aqi": 0.001767258111111111,
  "bids_meta": {
    "AcquisitionMatrixPE": 64,
    "AcquisitionNumber": 1,
    "AcquisitionTime": "10:20:49.000000",
    "BodyPartExamined": "BRAIN",
    "CoilString": "32Ch Head",
    "ConversionSoftware": "dcm2niix",
    "ConversionSoftwareVersion": "v1.0.20211006",
    "Dcm2bidsVersion": "2.1.6",
    "DeviceSerialNumber": "000301496mr3T5mr",
    "EchoTime": 0.0169,
    "EffectiveEchoSpacing": 0.000416,
    "FlipAngle": 90,
    "ImageOrientationPatientDICOM": [
      1,
      0,
      0,
      0,
      1,
      0
    ],
    "ImageType": [
      "ORIGINAL",
      "PRIMARY",
      "OTHER"
    ],
    "ImagingFrequency": 127.824,
    "InPlanePhaseEncodingDirectionDICOM": "COL",
    "InstitutionName": "NIH FMRIF",
    "InternalPulseSequenceName": "EPI",
    "MRAcquisitionType": "2D",
    "MagneticFieldStrength": 3,
    "Manufacturer": "GE",
    "ManufacturersModelName": "DISCOVERY MR750",
    "Modality": "MR",
    "PatientPosition": "HFS",
    "PercentPhaseFOV": 100,
    "PercentSampling": 100,
    "PhaseEncodingDirection": "j",
    "PhaseEncodingPolarityGE": "Flipped",
    "PixelBandwidth": 7812.5,
    "ProcedureStepDescription": "MRI Brain",
    "ProtocolName": "ADNI3 FMRIF Enhanced Pro",
    "PulseSequenceName": "epi",
    "ReconMatrixPE": 64,
    "RepetitionTime": 3,
    "SAR": 0.148991,
    "ScanOptions": "MP_GEMS\\EPI_GEMS\\PFF",
    "ScanningSequence": "EP\\GR",
    "SequenceVariant": "SS",
    "SeriesDescription": "Axial rsfMRI reverse blip - RKV",
    "SeriesNumber": 11,
    "SliceThickness": 3.4,
    "SliceTiming": [
      0,
      1.5,
      0.0625,
      1.5625,
      0.125,
      1.625,
      0.1875,
      1.6875,
      0.25,
      1.75,
      0.3125,
      1.8125,
      0.375,
      1.875,
      0.4375,
      1.9375,
      0.5,
      2,
      0.5625,
      2.0625,
      0.625,
      2.125,
      0.6875,
      2.1875,
      0.75,
      2.25,
      0.8125,
      2.3125,
      0.875,
      2.375,
      0.9375,
      2.4375,
      1,
      2.5,
      1.0625,
      2.5625,
      1.125,
      2.625,
      1.1875,
      2.6875,
      1.25,
      2.75,
      1.3125,
      2.8125,
      1.375,
      2.875,
      1.4375,
      2.9375
    ],
    "SoftwareVersions": "27\\LX\\MR Software release:DV26.0_R03_1831.b",
    "SpacingBetweenSlices": 3.4,
    "StationName": "FMRI3ta",
    "TaskName": "Resting state with reverse blip.",
    "TotalReadoutTime": 0.026208,
    "TriggerDelayTime": 29938,
    "dataset": "ds004215",
    "modality": "bold",
    "session_id": "01",
    "subject_id": "ON52083",
    "task_id": "rest"
  },
  "dummy_trs": 1,
  "dvars_nstd": 13.939989923750002,
  "dvars_std": 1.39104755125,
  "dvars_vstd": 1.3110687137500001,
  "efc": 0.4543824315851338,
  "fber": 5553.798828125,
  "fd_mean": 0.07641783790472714,
  "fd_num": 0,
  "fd_perc": 0.0,
  "fwhm_avg": 2.729376244880335,
  "fwhm_x": 2.6115403636363634,
  "fwhm_y": 2.590266181818182,
  "fwhm_z": 2.9863221891864598,
  "gcor": 0.0743318,
  "gsr_x": -0.004461298696696758,
  "gsr_y": 0.05438729003071785,
  "provenance": {
    "md5sum": "c9bf2d845c54af130e15aab440579467",
    "settings": {
      "fd_thres": 0.2,
      "testing": false
    },
    "software": "mriqc",
    "version": "22.0.6",
    "webapi_port": null,
    "webapi_url": "https://mriqc.nimh.nih.gov/api/v1"
  },
  "size_t": 9,
  "size_x": 64,
  "size_y": 64,
  "size_z": 48,
  "snr": 4.2126737926324,
  "spacing_tr": 3.0,
  "spacing_x": 3.4375,
  "spacing_y": 3.4375,
  "spacing_z": 3.4000015258789062,
  "summary_bg_k": 56.016346599430925,
  "summary_bg_mad": 7.083545189677571,
  "summary_bg_mean": 105.07138061523438,
  "summary_bg_median": 30.77777862548828,
  "summary_bg_n": 132507.0,
  "summary_bg_p05": 22.88888931274414,
  "summary_bg_p95": 483.1111145019531,
  "summary_bg_stdv": 233.3343505859375,
  "summary_fg_k": 2.7043380633563263,
  "summary_fg_mad": 469.9849937571339,
  "summary_fg_mean": 2379.35546875,
  "summary_fg_median": 2309.5556640625,
  "summary_fg_n": 27764.0,
  "summary_fg_p05": 1603.9055786132812,
  "summary_fg_p95": 3342.422326660155,
  "summary_fg_stdv": 548.22998046875,
  "tsnr": 177.5885691260919
}