{
  "aor": 0.005861758793969849,
  "aqi": 0.0018855515577889449,
  "bids_meta": {
    "AcquisitionMatrixPE": 64,
    "AcquisitionNumber": 1,
    "AcquisitionTime": "09:53:1.000000",
    "BodyPartExamined": "BRAIN",
    "CoilString": "32Ch Head",
    "ConversionSoftware": "dcm2niix",
    "ConversionSoftwareVersion": "v1.0.20211006",
    "Dcm2bidsVersion": "2.1.6",
    "DeviceSerialNumber": "000301496mr3T5mr",
    "EchoTime": 0.0169,
    "EffectiveEchoSpacing": 0.000416,
    "FlipAngle": 90,
    "ImageOrientationPatientDICOM": [
      1,
      0,
      0,
      0,
      1,
      0
    ],
    "ImageType": [
      "ORIGINAL",
      "PRIMARY",
      "OTHER"
    ],
    "ImagingFrequency": 127.824,
    "InPlanePhaseEncodingDirectionDICOM": "COL",
    "InstitutionName": "NIH FMRIF",
    "InternalPulseSequenceName": "EPI",
    "MRAcquisitionType": "2D",
    "MagneticFieldStrength": 3,
    "Manufacturer": "GE",
    "ManufacturersModelName": "DISCOVERY MR750",
    "Modality": "MR",
    "PatientPosition": "HFS",
    "PercentPhaseFOV": 100,
    "PercentSampling": 100,
    "PhaseEncodingDirection": "j",
    "PhaseEncodingPolarityGE": "Flipped",
    "PixelBandwidth": 7812.5,
    "ProcedureStepDescription": "MRI Brain",
    "ProtocolName": "ADNI3 FMRIF Enhanced Pro",
    "PulseSequenceName": "epi",
    "ReconMatrixPE": 64,
    "RepetitionTime": 3,
    "SAR": 0.149084,
    "ScanOptions": "MP_GEMS\\EPI_GEMS\\PFF",
    "ScanningSequence": "EP\\GR",
    "SequenceVariant": "SS",
    "SeriesDescription": "Axial rsfMRI with Eyes Open - RKV",
    "SeriesNumber": 10,
    "SliceThickness": 3.4,
    "SliceTiming": [
      0,
      1.5,
      0.0625,
      1.5625,
      0.125,
      1.625,
      0.1875,
      1.6875,
      0.25,
      1.75,
      0.3125,
      1.8125,
      0.375,
      1.875,
      0.4375,
      1.9375,
      0.5,
      2,
      0.5625,
      2.0625,
      0.625,
      2.125,
      0.6875,
      2.1875,
      0.75,
      2.25,
      0.8125,
      2.3125,
      0.875,
      2.375,
      0.9375,
      2.4375,
      1,
      2.5,
      1.0625,
      2.5625,
      1.125,
      2.625,
      1.1875,
      2.6875,
      1.25,
      2.75,
      1.3125,
      2.8125,
      1.375,
      2.875,
      1.4375,
      2.9375
    ],
    "SoftwareVersions": "27\\LX\\MR Software release:DV26.0_R03_1831.b",
    "SpacingBetweenSlices": 3.4,
    "StationName": "FMRI3ta",
    "TaskName": "Resting state with eyes open.",
    "TotalReadoutTime": 0.026208,
    "TriggerDelayTime": 599938,
    "dataset": "ds004215",
    "modality": "bold",
    "session_id": "01",
    "subject_id": "ON42941",
    "task_id": "rest"
  },
  "dummy_trs": 1,
  "dvars_nstd": 14.558482439797977,
  "dvars_std": 1.3668233358585866,
  "dvars_vstd": 1.0013832549494952,
  "efc": 0.4509946418870327,
  "fber": 5380.89111328125,
  "fd_mean": 0.08149780983955297,
  "fd_num": 14,
  "fd_perc": 7.035175879396985,
  "fwhm_avg": 2.6407949756230074,
  "fwhm_x": 2.638536727272727,
  "fwhm_y": 2.4160465454545457,
  "fwhm_z": 2.8678016541417493,
  "gcor": 0.0261527,
  "gsr_x": -0.0015503466129302979,
  "gsr_y": 0.02418436110019684,
  "provenance": {
    "md5sum": "d86fcf715928cee2cedc62dbd2c5a5a0",
    "settings": {
      "fd_thres": 0.2,
      "testing": false
    },
    "software": "mriqc",
    "version": "22.0.6",
    "webapi_port": null,
    "webapi_url": "https://mriqc.nimh.nih.gov/api/v1"
  },
  "size_t": 199,
  "size_x": 64,
  "size_y": 64,
  "size_z": 48,
  "snr": 4.303583524164033,
  "spacing_tr": 3.0,
  "spacing_x": 3.4375,
  "spacing_y": 3.4375,
  "spacing_z": 3.4000015258789062,
  "summary_bg_k": 18.405416255268403,
  "summary_bg_mad": 9.659264248308338,
  "summary_bg_mean": 120.19564819335938,
  "summary_bg_median": 33.11055374145508,
  "summary_bg_n": 135542.0,
  "summary_bg_p05": 23.41733684539795,
  "summary_bg_p95": 606.3351623535156,
  "summary_bg_stdv": 229.86920166015625,
  "summary_fg_k": 1.6932579629247257,
  "summary_fg_mad": 480.4300820307817,
  "summary_fg_mean": 2488.946044921875,
  "summary_fg_median": 2405.547607421875,
  "summary_fg_n": 25203.0,
  "summary_fg_p05": 1730.325146484375,
  "summary_fg_p95": 3524.9316162109358,
  "summary_fg_stdv": 558.9527587890625,
  "tsnr": 119.52668000105768
}