{
  "aor": 0.0012465829145728645,
  "aqi": 0.005116386331658291,
  "bids_meta": {
    "AcquisitionMatrixPE": 64,
    "AcquisitionNumber": 1,
    "AcquisitionTime": "16:16:27.000000",
    "BodyPartExamined": "BRAIN",
    "CoilString": "32Ch Head",
    "ConversionSoftware": "dcm2niix",
    "ConversionSoftwareVersion": "v1.0.20211006",
    "Dcm2bidsVersion": "2.1.6",
    "DeviceSerialNumber": "000301496MR3T6MR",
    "EchoTime": 0.0169,
    "EffectiveEchoSpacing": 0.000416,
    "FlipAngle": 90,
    "ImageOrientationPatientDICOM": [
      1,
      0,
      0,
      0,
      1,
      0
    ],
    "ImageType": [
      "ORIGINAL",
      "PRIMARY",
      "OTHER"
    ],
    "ImagingFrequency": 127.697,
    "InPlanePhaseEncodingDirectionDICOM": "COL",
    "InstitutionName": "NIH FMRIF",
    "InternalPulseSequenceName": "EPI",
    "MRAcquisitionType": "2D",
    "MagneticFieldStrength": 3,
    "Manufacturer": "GE",
    "ManufacturersModelName": "DISCOVERY MR750",
    "Modality": "MR",
    "PatientPosition": "HFS",
    "PercentPhaseFOV": 100,
    "PercentSampling": 100,
    "PhaseEncodingDirection": "j",
    "PhaseEncodingPolarityGE": "Flipped",
    "PixelBandwidth": 7812.5,
    "ProcedureStepDescription": "MRI Brain",
    "ProtocolName": "ADNI3 FMRIF Enhanced Pro",
    "PulseSequenceName": "epi",
    "ReconMatrixPE": 64,
    "RepetitionTime": 3,
    "SAR": 0.200649,
    "ScanOptions": "MP_GEMS\\EPI_GEMS\\PFF",
    "ScanningSequence": "EP\\GR",
    "SequenceVariant": "SS",
    "SeriesDescription": "Axial rsfMRI with Eyes Open - RKV",
    "SeriesNumber": 11,
    "SliceThickness": 3.4,
    "SliceTiming": [
      0,
      1.5,
      0.0625,
      1.5625,
      0.125,
      1.625,
      0.1875,
      1.6875,
      0.25,
      1.75,
      0.3125,
      1.8125,
      0.375,
      1.875,
      0.4375,
      1.9375,
      0.5,
      2,
      0.5625,
      2.0625,
      0.625,
      2.125,
      0.6875,
      2.1875,
      0.75,
      2.25,
      0.8125,
      2.3125,
      0.875,
      2.375,
      0.9375,
      2.4375,
      1,
      2.5,
      1.0625,
      2.5625,
      1.125,
      2.625,
      1.1875,
      2.6875,
      1.25,
      2.75,
      1.3125,
      2.8125,
      1.375,
      2.875,
      1.4375,
      2.9375
    ],
    "SoftwareVersions": "27\\LX\\MR Software release:DV26.0_R01_1725.a",
    "SpacingBetweenSlices": 3.4,
    "StationName": "fmrif3tb",
    "TaskName": "Resting state with eyes open.",
    "TotalReadoutTime": 0.026208,
    "TriggerDelayTime": 599938,
    "dataset": "ds004215",
    "modality": "bold",
    "session_id": "01",
    "subject_id": "ON38044",
    "task_id": "rest"
  },
  "dummy_trs": 1,
  "dvars_nstd": 11.598780617575764,
  "dvars_std": 1.1014258431818185,
  "dvars_vstd": 0.9410573396969695,
  "efc": 0.46666745496614764,
  "fber": 4906.30029296875,
  "fd_mean": 0.12835129809499596,
  "fd_num": 41,
  "fd_perc": 20.603015075376884,
  "fwhm_avg": 2.5910669323870716,
  "fwhm_x": 2.498848,
  "fwhm_y": 2.498833454545455,
  "fwhm_z": 2.775519342615759,
  "gcor": 0.0647159,
  "gsr_x": -0.01215934008359909,
  "gsr_y": 0.04054895043373108,
  "provenance": {
    "md5sum": "7fdafb84aee650a68b4c3beca6a497f2",
    "settings": {
      "fd_thres": 0.2,
      "testing": false
    },
    "software": "mriqc",
    "version": "22.0.6",
    "webapi_port": null,
    "webapi_url": "https://mriqc.nimh.nih.gov/api/v1"
  },
  "size_t": 199,
  "size_x": 64,
  "size_y": 64,
  "size_z": 48,
  "snr": 4.339388561930598,
  "spacing_tr": 3.0,
  "spacing_x": 3.4375,
  "spacing_y": 3.4375,
  "spacing_z": 3.4000015258789062,
  "summary_bg_k": 26.156283206562446,
  "summary_bg_mad": 13.790433494024805,
  "summary_bg_mean": 158.87155151367188,
  "summary_bg_median": 37.15577697753906,
  "summary_bg_n": 135174.0,
  "summary_bg_p05": 23.32663345336914,
  "summary_bg_p95": 806.6070343017575,
  "summary_bg_stdv": 307.2238464355469,
  "summary_fg_k": 0.6869685246888619,
  "summary_fg_mad": 560.0435769912526,
  "summary_fg_mean": 2616.87353515625,
  "summary_fg_median": 2550.25634765625,
  "summary_fg_n": 25463.0,
  "summary_fg_p05": 1763.5552490234375,
  "summary_fg_p95": 3666.2763183593747,
  "summary_fg_stdv": 587.6879272460938,
  "tsnr": 93.99955491651781
}