{
  "aor": 0.0022861809045226136,
  "aqi": 0.002343030105527638,
  "bids_meta": {
    "AcquisitionMatrixPE": 64,
    "AcquisitionNumber": 1,
    "AcquisitionTime": "16:33:48.000000",
    "BodyPartExamined": "BRAIN",
    "CoilString": "32Ch Head",
    "ConversionSoftware": "dcm2niix",
    "ConversionSoftwareVersion": "v1.0.20211006",
    "Dcm2bidsVersion": "2.1.6",
    "DeviceSerialNumber": "000301496MR3T6MR",
    "EchoTime": 0.0169,
    "EffectiveEchoSpacing": 0.000416,
    "FlipAngle": 90,
    "ImageOrientationPatientDICOM": [
      1,
      0,
      0,
      0,
      1,
      0
    ],
    "ImageType": [
      "ORIGINAL",
      "PRIMARY",
      "OTHER"
    ],
    "ImagingFrequency": 127.697,
    "InPlanePhaseEncodingDirectionDICOM": "COL",
    "InstitutionName": "NIH FMRIF",
    "InternalPulseSequenceName": "EPI",
    "MRAcquisitionType": "2D",
    "MagneticFieldStrength": 3,
    "Manufacturer": "GE",
    "ManufacturersModelName": "DISCOVERY MR750",
    "Modality": "MR",
    "PatientPosition": "HFS",
    "PercentPhaseFOV": 100,
    "PercentSampling": 100,
    "PhaseEncodingDirection": "j",
    "PhaseEncodingPolarityGE": "Flipped",
    "PixelBandwidth": 7812.5,
    "ProcedureStepDescription": "MRI Brain",
    "ProtocolName": "ADNI3 FMRIF Enhanced Pro",
    "PulseSequenceName": "epi",
    "ReconMatrixPE": 64,
    "RepetitionTime": 3,
    "SAR": 0.148811,
    "ScanOptions": "MP_GEMS\\EPI_GEMS\\PFF",
    "ScanningSequence": "EP\\GR",
    "SequenceVariant": "SS",
    "SeriesDescription": "Axial rsfMRI with Eyes Open - RKV",
    "SeriesNumber": 11,
    "SliceThickness": 3.4,
    "SliceTiming": [
      0,
      1.5,
      0.0625,
      1.5625,
      0.125,
      1.625,
      0.1875,
      1.6875,
      0.25,
      1.75,
      0.3125,
      1.8125,
      0.375,
      1.875,
      0.4375,
      1.9375,
      0.5,
      2,
      0.5625,
      2.0625,
      0.625,
      2.125,
      0.6875,
      2.1875,
      0.75,
      2.25,
      0.8125,
      2.3125,
      0.875,
      2.375,
      0.9375,
      2.4375,
      1,
      2.5,
      1.0625,
      2.5625,
      1.125,
      2.625,
      1.1875,
      2.6875,
      1.25,
      2.75,
      1.3125,
      2.8125,
      1.375,
      2.875,
      1.4375,
      2.9375
    ],
    "SoftwareVersions": "27\\LX\\MR Software release:DV26.0_R01_1725.a",
    "SpacingBetweenSlices": 3.4,
    "StationName": "fmrif3tb",
    "TaskName": "Resting state with eyes open.",
    "TotalReadoutTime": 0.026208,
    "TriggerDelayTime": 599938,
    "dataset": "ds004215",
    "modality": "bold",
    "session_id": "01",
    "subject_id": "ON86779",
    "task_id": "rest"
  },
  "dummy_trs": 1,
  "dvars_nstd": 12.124670548636358,
  "dvars_std": 1.11954710969697,
  "dvars_vstd": 0.9193419262121207,
  "efc": 0.45478261331154257,
  "fber": 6010.58203125,
  "fd_mean": 0.09615314636775936,
  "fd_num": 11,
  "fd_perc": 5.527638190954774,
  "fwhm_avg": 2.6838074161843046,
  "fwhm_x": 2.634324363636364,
  "fwhm_y": 2.420069818181818,
  "fwhm_z": 2.9970280667347327,
  "gcor": 0.0486391,
  "gsr_x": -0.01301494799554348,
  "gsr_y": 0.045773424208164215,
  "provenance": {
    "md5sum": "785bd282b43d756bb1dab1c30fd12f4c",
    "settings": {
      "fd_thres": 0.2,
      "testing": false
    },
    "software": "mriqc",
    "version": "22.0.6",
    "webapi_port": null,
    "webapi_url": "https://mriqc.nimh.nih.gov/api/v1"
  },
  "size_t": 199,
  "size_x": 64,
  "size_y": 64,
  "size_z": 48,
  "snr": 4.230568890961965,
  "spacing_tr": 3.0,
  "spacing_x": 3.4375,
  "spacing_y": 3.4375,
  "spacing_z": 3.4000015258789062,
  "summary_bg_k": 29.967313505637172,
  "summary_bg_mad": 10.512320153349393,
  "summary_bg_mean": 126.3441390991211,
  "summary_bg_median": 33.98492431640625,
  "summary_bg_n": 133423.0,
  "summary_bg_p05": 21.175878524780273,
  "summary_bg_p95": 653.0723449707026,
  "summary_bg_stdv": 256.2378234863281,
  "summary_fg_k": 1.7824658655061292,
  "summary_fg_mad": 541.0938864042616,
  "summary_fg_mean": 2702.864990234375,
  "summary_fg_median": 2613.82421875,
  "summary_fg_n": 26996.0,
  "summary_fg_p05": 1846.1231079101562,
  "summary_fg_p95": 3815.7763671875,
  "summary_fg_stdv": 617.830810546875,
  "tsnr": 111.72076957672834
}