{
  "aor": 0.035763333333333334,
  "aqi": 0.0015415087777777778,
  "bids_meta": {
    "AcquisitionMatrixPE": 64,
    "AcquisitionNumber": 1,
    "AcquisitionTime": "16:44:53.000000",
    "BodyPartExamined": "BRAIN",
    "CoilString": "32Ch Head",
    "ConversionSoftware": "dcm2niix",
    "ConversionSoftwareVersion": "v1.0.20211006",
    "Dcm2bidsVersion": "2.1.6",
    "DeviceSerialNumber": "000301496MR3T6MR",
    "EchoTime": 0.0169,
    "EffectiveEchoSpacing": 0.000416,
    "FlipAngle": 90,
    "ImageOrientationPatientDICOM": [
      1,
      0,
      0,
      0,
      1,
      0
    ],
    "ImageType": [
      "ORIGINAL",
      "PRIMARY",
      "OTHER"
    ],
    "ImagingFrequency": 127.697,
    "InPlanePhaseEncodingDirectionDICOM": "COL",
    "InstitutionName": "NIH FMRIF",
    "InternalPulseSequenceName": "EPI",
    "MRAcquisitionType": "2D",
    "MagneticFieldStrength": 3,
    "Manufacturer": "GE",
    "ManufacturersModelName": "DISCOVERY MR750",
    "Modality": "MR",
    "PatientPosition": "HFS",
    "PercentPhaseFOV": 100,
    "PercentSampling": 100,
    "PhaseEncodingDirection": "j-",
    "PhaseEncodingPolarityGE": "Unflipped",
    "PixelBandwidth": 7812.5,
    "ProcedureStepDescription": "MRI Brain",
    "ProtocolName": "ADNI3 FMRIF Enhanced Pro",
    "PulseSequenceName": "epi",
    "ReconMatrixPE": 64,
    "RepetitionTime": 3,
    "SAR": 0.149342,
    "ScanOptions": "MP_GEMS\\EPI_GEMS\\PFF",
    "ScanningSequence": "EP\\GR",
    "SequenceVariant": "SS",
    "SeriesDescription": "Axial rsfMRI reverse blip - RKV",
    "SeriesNumber": 12,
    "SliceThickness": 3.4,
    "SliceTiming": [
      0,
      1.5,
      0.0625,
      1.5625,
      0.125,
      1.625,
      0.1875,
      1.6875,
      0.25,
      1.75,
      0.3125,
      1.8125,
      0.375,
      1.875,
      0.4375,
      1.9375,
      0.5,
      2,
      0.5625,
      2.0625,
      0.625,
      2.125,
      0.6875,
      2.1875,
      0.75,
      2.25,
      0.8125,
      2.3125,
      0.875,
      2.375,
      0.9375,
      2.4375,
      1,
      2.5,
      1.0625,
      2.5625,
      1.125,
      2.625,
      1.1875,
      2.6875,
      1.25,
      2.75,
      1.3125,
      2.8125,
      1.375,
      2.875,
      1.4375,
      2.9375
    ],
    "SoftwareVersions": "27\\LX\\MR Software release:DV26.0_R01_1725.a",
    "SpacingBetweenSlices": 3.4,
    "StationName": "fmrif3tb",
    "TaskName": "Resting state with reverse blip.",
    "TotalReadoutTime": 0.026208,
    "TriggerDelayTime": 29938,
    "dataset": "ds004215",
    "modality": "bold",
    "session_id": "01",
    "subject_id": "ON86779",
    "task_id": "rest"
  },
  "dummy_trs": 1,
  "dvars_nstd": 11.8629746425,
  "dvars_std": 1.3856697087499998,
  "dvars_vstd": 1.3459037225,
  "efc": 0.46188171697961977,
  "fber": 6170.61572265625,
  "fd_mean": 0.07350794988575722,
  "fd_num": 0,
  "fd_perc": 0.0,
  "fwhm_avg": 2.598670641315601,
  "fwhm_x": 2.5421934545454543,
  "fwhm_y": 2.486746181818182,
  "fwhm_z": 2.767072287583166,
  "gcor": 0.0173958,
  "gsr_x": -0.010445807129144669,
  "gsr_y": 0.05009579285979271,
  "provenance": {
    "md5sum": "a785802ea66df7d2125dabac35e2474d",
    "settings": {
      "fd_thres": 0.2,
      "testing": false
    },
    "software": "mriqc",
    "version": "22.0.6",
    "webapi_port": null,
    "webapi_url": "https://mriqc.nimh.nih.gov/api/v1"
  },
  "size_t": 9,
  "size_x": 64,
  "size_y": 64,
  "size_z": 48,
  "snr": 4.910626274427312,
  "spacing_tr": 3.0,
  "spacing_x": 3.4375,
  "spacing_y": 3.4375,
  "spacing_z": 3.4000015258789062,
  "summary_bg_k": 31.10497805818307,
  "summary_bg_mad": 8.895613311033612,
  "summary_bg_mean": 123.07745361328125,
  "summary_bg_median": 33.11111068725586,
  "summary_bg_n": 132064.0,
  "summary_bg_p05": 24.22222328186035,
  "summary_bg_p95": 636.3333129882812,
  "summary_bg_stdv": 250.48495483398438,
  "summary_fg_k": 0.9486016397053372,
  "summary_fg_mad": 487.44638120156117,
  "summary_fg_mean": 2653.612548828125,
  "summary_fg_median": 2592.5556640625,
  "summary_fg_n": 27871.0,
  "summary_fg_p05": 1866.2222290039062,
  "summary_fg_p95": 3600.5,
  "summary_fg_stdv": 527.9385986328125,
  "tsnr": 199.09858009032905
}