{
  "aor": 0.0018665829145728641,
  "aqi": 0.0020316978241206028,
  "bids_meta": {
    "AcquisitionMatrixPE": 64,
    "AcquisitionNumber": 1,
    "AcquisitionTime": "15:51:48.000000",
    "BodyPartExamined": "BRAIN",
    "CoilString": "32Ch Head",
    "ConversionSoftware": "dcm2niix",
    "ConversionSoftwareVersion": "v1.0.20211006",
    "Dcm2bidsVersion": "2.1.6",
    "DeviceSerialNumber": "000301496MR3T6MR",
    "EchoTime": 0.0169,
    "EffectiveEchoSpacing": 0.000416,
    "FlipAngle": 90,
    "ImageOrientationPatientDICOM": [
      1,
      0,
      0,
      0,
      1,
      0
    ],
    "ImageType": [
      "ORIGINAL",
      "PRIMARY",
      "OTHER"
    ],
    "ImagingFrequency": 127.696,
    "InPlanePhaseEncodingDirectionDICOM": "COL",
    "InstitutionName": "NIH FMRIF",
    "InternalPulseSequenceName": "EPI",
    "MRAcquisitionType": "2D",
    "MagneticFieldStrength": 3,
    "Manufacturer": "GE",
    "ManufacturersModelName": "DISCOVERY MR750",
    "Modality": "MR",
    "PatientPosition": "HFS",
    "PercentPhaseFOV": 100,
    "PercentSampling": 100,
    "PhaseEncodingDirection": "j",
    "PhaseEncodingPolarityGE": "Flipped",
    "PixelBandwidth": 7812.5,
    "ProcedureStepDescription": "MRI Brain",
    "ProtocolName": "ADNI3 FMRIF Enhanced Pro",
    "PulseSequenceName": "epi",
    "ReconMatrixPE": 64,
    "RepetitionTime": 3,
    "SAR": 0.152652,
    "ScanOptions": "MP_GEMS\\EPI_GEMS\\PFF",
    "ScanningSequence": "EP\\GR",
    "SequenceVariant": "SS",
    "SeriesDescription": "Axial rsfMRI with Eyes Open - RKV",
    "SeriesNumber": 10,
    "SliceThickness": 3.4,
    "SliceTiming": [
      0,
      1.5,
      0.0625,
      1.5625,
      0.125,
      1.625,
      0.1875,
      1.6875,
      0.25,
      1.75,
      0.3125,
      1.8125,
      0.375,
      1.875,
      0.4375,
      1.9375,
      0.5,
      2,
      0.5625,
      2.0625,
      0.625,
      2.125,
      0.6875,
      2.1875,
      0.75,
      2.25,
      0.8125,
      2.3125,
      0.875,
      2.375,
      0.9375,
      2.4375,
      1,
      2.5,
      1.0625,
      2.5625,
      1.125,
      2.625,
      1.1875,
      2.6875,
      1.25,
      2.75,
      1.3125,
      2.8125,
      1.375,
      2.875,
      1.4375,
      2.9375
    ],
    "SoftwareVersions": "27\\LX\\MR Software release:DV26.0_R03_1831.b",
    "SpacingBetweenSlices": 3.4,
    "StationName": "FMRI3tb",
    "TaskName": "Resting state with eyes open.",
    "TotalReadoutTime": 0.026208,
    "TriggerDelayTime": 599938,
    "dataset": "ds004215",
    "modality": "bold",
    "session_id": "01",
    "subject_id": "ON11411",
    "task_id": "rest"
  },
  "dummy_trs": 1,
  "dvars_nstd": 16.09632449676767,
  "dvars_std": 1.3214388798989898,
  "dvars_vstd": 0.9754446786363631,
  "efc": 0.4466247152552393,
  "fber": 5353.9267578125,
  "fd_mean": 0.13989241828138044,
  "fd_num": 29,
  "fd_perc": 14.57286432160804,
  "fwhm_avg": 2.6920474242080856,
  "fwhm_x": 2.6893498181818183,
  "fwhm_y": 2.4672319999999996,
  "fwhm_z": 2.9195604544424376,
  "gcor": 0.0714534,
  "gsr_x": -0.010782303288578987,
  "gsr_y": 0.0481911264359951,
  "provenance": {
    "md5sum": "10ac4b7f755522d9f5348328226989bd",
    "settings": {
      "fd_thres": 0.2,
      "testing": false
    },
    "software": "mriqc",
    "version": "22.0.6",
    "webapi_port": null,
    "webapi_url": "https://mriqc.nimh.nih.gov/api/v1"
  },
  "size_t": 199,
  "size_x": 64,
  "size_y": 64,
  "size_z": 48,
  "snr": 4.117711518354682,
  "spacing_tr": 3.0,
  "spacing_x": 3.4375,
  "spacing_y": 3.4375,
  "spacing_z": 3.4000015258789062,
  "summary_bg_k": 24.377679519887053,
  "summary_bg_mad": 9.48418281891181,
  "summary_bg_mean": 130.8190155029297,
  "summary_bg_median": 33.4824104309082,
  "summary_bg_n": 137298.0,
  "summary_bg_p05": 23.65829086303711,
  "summary_bg_p95": 693.1911865234373,
  "summary_bg_stdv": 265.18939208984375,
  "summary_fg_k": 1.3893660377735575,
  "summary_fg_mad": 512.7269932003617,
  "summary_fg_mean": 2529.506591796875,
  "summary_fg_median": 2437.231201171875,
  "summary_fg_n": 24063.0,
  "summary_fg_p05": 1713.5501831054687,
  "summary_fg_p95": 3625.863354492187,
  "summary_fg_stdv": 591.87744140625,
  "tsnr": 110.22580949915573
}