{
  "aor": 0.03905555555555556,
  "aqi": 0.0010712743333333333,
  "bids_meta": {
    "AcquisitionMatrixPE": 64,
    "AcquisitionNumber": 1,
    "AcquisitionTime": "16:02:24.000000",
    "BodyPartExamined": "BRAIN",
    "CoilString": "32Ch Head",
    "ConversionSoftware": "dcm2niix",
    "ConversionSoftwareVersion": "v1.0.20211006",
    "Dcm2bidsVersion": "2.1.6",
    "DeviceSerialNumber": "000301496MR3T6MR",
    "EchoTime": 0.0169,
    "EffectiveEchoSpacing": 0.000416,
    "FlipAngle": 90,
    "ImageOrientationPatientDICOM": [
      1,
      0,
      0,
      0,
      1,
      0
    ],
    "ImageType": [
      "ORIGINAL",
      "PRIMARY",
      "OTHER"
    ],
    "ImagingFrequency": 127.696,
    "InPlanePhaseEncodingDirectionDICOM": "COL",
    "InstitutionName": "NIH FMRIF",
    "InternalPulseSequenceName": "EPI",
    "MRAcquisitionType": "2D",
    "MagneticFieldStrength": 3,
    "Manufacturer": "GE",
    "ManufacturersModelName": "DISCOVERY MR750",
    "Modality": "MR",
    "PatientPosition": "HFS",
    "PercentPhaseFOV": 100,
    "PercentSampling": 100,
    "PhaseEncodingDirection": "j",
    "PhaseEncodingPolarityGE": "Flipped",
    "PixelBandwidth": 7812.5,
    "ProcedureStepDescription": "MRI Brain",
    "ProtocolName": "ADNI3 FMRIF Enhanced Pro",
    "PulseSequenceName": "epi",
    "ReconMatrixPE": 64,
    "RepetitionTime": 3,
    "SAR": 0.151859,
    "ScanOptions": "MP_GEMS\\EPI_GEMS\\PFF",
    "ScanningSequence": "EP\\GR",
    "SequenceVariant": "SS",
    "SeriesDescription": "Axial rsfMRI reverse blip - RKV",
    "SeriesNumber": 11,
    "SliceThickness": 3.4,
    "SliceTiming": [
      0,
      1.5,
      0.0625,
      1.5625,
      0.125,
      1.625,
      0.1875,
      1.6875,
      0.25,
      1.75,
      0.3125,
      1.8125,
      0.375,
      1.875,
      0.4375,
      1.9375,
      0.5,
      2,
      0.5625,
      2.0625,
      0.625,
      2.125,
      0.6875,
      2.1875,
      0.75,
      2.25,
      0.8125,
      2.3125,
      0.875,
      2.375,
      0.9375,
      2.4375,
      1,
      2.5,
      1.0625,
      2.5625,
      1.125,
      2.625,
      1.1875,
      2.6875,
      1.25,
      2.75,
      1.3125,
      2.8125,
      1.375,
      2.875,
      1.4375,
      2.9375
    ],
    "SoftwareVersions": "27\\LX\\MR Software release:DV26.0_R03_1831.b",
    "SpacingBetweenSlices": 3.4,
    "StationName": "FMRI3tb",
    "TaskName": "Resting state with reverse blip.",
    "TotalReadoutTime": 0.026208,
    "TriggerDelayTime": 29938,
    "dataset": "ds004215",
    "modality": "bold",
    "session_id": "01",
    "subject_id": "ON11411",
    "task_id": "rest"
  },
  "dummy_trs": 1,
  "dvars_nstd": 18.86170220375,
  "dvars_std": 1.56409155,
  "dvars_vstd": 1.4654205887500003,
  "efc": 0.446795285996736,
  "fber": 5383.6396484375,
  "fd_mean": 0.21714395875405743,
  "fd_num": 4,
  "fd_perc": 44.44444444444444,
  "fwhm_avg": 2.6936723665670836,
  "fwhm_x": 2.671127272727273,
  "fwhm_y": 2.474402909090909,
  "fwhm_z": 2.9354869178830683,
  "gcor": 0.120671,
  "gsr_x": -0.010689857415854931,
  "gsr_y": 0.04960385710000992,
  "provenance": {
    "md5sum": "641351f09991f15926a97edca41a1b3c",
    "settings": {
      "fd_thres": 0.2,
      "testing": false
    },
    "software": "mriqc",
    "version": "22.0.6",
    "webapi_port": null,
    "webapi_url": "https://mriqc.nimh.nih.gov/api/v1"
  },
  "size_t": 9,
  "size_x": 64,
  "size_y": 64,
  "size_z": 48,
  "snr": 4.148880394495856,
  "spacing_tr": 3.0,
  "spacing_x": 3.4375,
  "spacing_y": 3.4375,
  "spacing_z": 3.4000015258789062,
  "summary_bg_k": 27.040872990178233,
  "summary_bg_mad": 9.554545116734488,
  "summary_bg_mean": 132.4744110107422,
  "summary_bg_median": 33.33333206176758,
  "summary_bg_n": 137394.0,
  "summary_bg_p05": 24.0,
  "summary_bg_p95": 709.6666870117188,
  "summary_bg_stdv": 273.8453063964844,
  "summary_fg_k": 1.3350917632012615,
  "summary_fg_mad": 511.168378661083,
  "summary_fg_mean": 2523.218505859375,
  "summary_fg_median": 2434.0,
  "summary_fg_n": 24049.0,
  "summary_fg_p05": 1702.6888916015625,
  "summary_fg_p95": 3602.4444824218735,
  "summary_fg_stdv": 586.652099609375,
  "tsnr": 149.203846514225
}