{
  "bids_meta": {
    "AcquisitionMatrixPE": 256,
    "AcquisitionNumber": 1,
    "AcquisitionTime": "15:12:21.000000",
    "BodyPartExamined": "BRAIN",
    "CoilString": "32Ch Head",
    "ConversionSoftware": "dcm2niix",
    "ConversionSoftwareVersion": "v1.0.20211006",
    "Dcm2bidsVersion": "2.1.6",
    "DeviceSerialNumber": "000301496MR3T6MR",
    "EchoTime": 0.066428,
    "EchoTrainLength": 140,
    "FlipAngle": 90,
    "ImageOrientationPatientDICOM": [
      0,
      1,
      0,
      0,
      0,
      -1
    ],
    "ImageType": [
      "ORIGINAL",
      "PRIMARY",
      "OTHER"
    ],
    "ImagingFrequency": 127.696,
    "InPlanePhaseEncodingDirectionDICOM": "ROW",
    "InstitutionName": "NIH FMRIF",
    "MRAcquisitionType": "3D",
    "MagneticFieldStrength": 3,
    "Manufacturer": "GE",
    "ManufacturersModelName": "DISCOVERY MR750",
    "Modality": "MR",
    "ParallelReductionFactorInPlane": 2,
    "ParallelReductionOutOfPlane": 1.5,
    "PatientPosition": "HFS",
    "PercentPhaseFOV": 100,
    "PercentSampling": 100,
    "PhaseEncodingAxis": "i",
    "PixelBandwidth": 244.141,
    "ProcedureStepDescription": "MRI Brain",
    "ProtocolName": "ADNI3 FMRIF Enhanced Pro",
    "ReconMatrixPE": 256,
    "RepetitionTime": 3.202,
    "SAR": 0.4504,
    "ScanOptions": "SAT_GEMS\\EDR_GEMS\\PROMO_GEMS\\FILTERED_GEMS\\ACC_GEMS\\FS\\FR_GEMS",
    "ScanningSequence": "RM",
    "SequenceVariant": "NONE",
    "SeriesDescription": "Anat T2w CUBE (ABCD)",
    "SeriesNumber": 4,
    "SliceThickness": 1,
    "SoftwareVersions": "27\\LX\\MR Software release:DV26.0_R03_1831.b",
    "SpacingBetweenSlices": 1,
    "StationName": "FMRI3tb",
    "acq_id": "CUBE",
    "dataset": "ds004215",
    "modality": "T2w",
    "rec_id": "SCIC",
    "session_id": "01",
    "subject_id": "ON85981"
  },
  "cjv": 0.23603940660237563,
  "cnr": 4.91885658242347,
  "efc": 0.45820133878982383,
  "fber": 1932.950535111111,
  "fwhm_avg": 2.5300566666666664,
  "fwhm_x": 2.0978,
  "fwhm_y": 2.84121,
  "fwhm_z": 2.65116,
  "icvs_csf": 0.23938851886998083,
  "icvs_gm": 0.6973767600776918,
  "icvs_wm": 0.06323472105232741,
  "inu_med": 0.6731210947036743,
  "inu_range": 0.14579306244850165,
  "provenance": {
    "md5sum": "db4b91ca9dacc448538c1a3d61cc709c",
    "settings": {
      "testing": false
    },
    "software": "mriqc",
    "version": "22.0.6",
    "warnings": {
      "large_rot_frame": true,
      "small_air_mask": false
    },
    "webapi_port": null,
    "webapi_url": "https://mriqc.nimh.nih.gov/api/v1"
  },
  "qi_1": 0.0,
  "qi_2": 0.006104633580559523,
  "rpve_csf": 21.795478252312538,
  "rpve_gm": 9.95951884084932,
  "rpve_wm": 94.6981735645636,
  "size_x": 204,
  "size_y": 256,
  "size_z": 256,
  "snr_csf": 5.764443603580502,
  "snr_gm": 8.974436050711034,
  "snr_total": 5.276186462291182,
  "snr_wm": 1.0896797325820105,
  "snrd_csf": 120.33007165476502,
  "snrd_gm": 40.21348912280195,
  "snrd_total": 55.44227882330559,
  "snrd_wm": 5.783275692349788,
  "spacing_x": 1.0,
  "spacing_y": 1.0,
  "spacing_z": 1.0,
  "summary_bg_k": 234.68819146617147,
  "summary_bg_mad": 113.42916982982507,
  "summary_bg_mean": 94.59778420976725,
  "summary_bg_median": 76.50681242346764,
  "summary_bg_n": 3004217.0,
  "summary_bg_p05": 0.0,
  "summary_bg_p95": 290.3526832461357,
  "summary_bg_stdv": 149.99058785680288,
  "summary_csf_k": 4.095025629500172,
  "summary_csf_mad": 2269.1367096200615,
  "summary_csf_mean": 19623.81834212215,
  "summary_csf_median": 20833.73803281784,
  "summary_csf_n": 78073.0,
  "summary_csf_p05": 12268.781721812487,
  "summary_csf_p95": 22788.207187265158,
  "summary_csf_stdv": 3614.157070548697,
  "summary_gm_k": 0.027194399942932712,
  "summary_gm_mad": 780.7246762433325,
  "summary_gm_mean": 7004.0987613274065,
  "summary_gm_median": 6962.493134498596,
  "summary_gm_n": 513483.0,
  "summary_gm_p05": 5808.173276811838,
  "summary_gm_p95": 8346.333429455757,
  "summary_gm_stdv": 775.8132450307202,
  "summary_wm_k": 14.074562736570176,
  "summary_wm_mad": 626.3503426700585,
  "summary_wm_mean": 1247.7292747906738,
  "summary_wm_median": 1001.3062328398228,
  "summary_wm_n": 18339.0,
  "summary_wm_p05": 332.48741067349914,
  "summary_wm_p95": 3033.7750155627728,
  "summary_wm_stdv": 918.8745120380122,
  "tpm_overlap_csf": 0.15009456106441962,
  "tpm_overlap_gm": 0.41268241070234485,
  "tpm_overlap_wm": 0.018437722136475966,
  "wm2max": 0.04316905600875288
}