{
  "bids_meta": {
    "AcquisitionMatrixPE": 256,
    "AcquisitionNumber": 1,
    "AcquisitionTime": "15:05:43.000000",
    "BodyPartExamined": "BRAIN",
    "CoilString": "32Ch Head",
    "ConversionSoftware": "dcm2niix",
    "ConversionSoftwareVersion": "v1.0.20211006",
    "Dcm2bidsVersion": "2.1.6",
    "DeviceSerialNumber": "000301496MR3T6MR",
    "EchoTime": 0.00292,
    "FlipAngle": 8,
    "ImageOrientationPatientDICOM": [
      0,
      1,
      0,
      0,
      0,
      -1
    ],
    "ImageType": [
      "ORIGINAL",
      "PRIMARY",
      "OTHER"
    ],
    "ImagingFrequency": 127.696,
    "InPlanePhaseEncodingDirectionDICOM": "ROW",
    "InstitutionName": "NIH FMRIF",
    "InversionTime": 1.06,
    "MRAcquisitionType": "3D",
    "MagneticFieldStrength": 3,
    "Manufacturer": "GE",
    "ManufacturersModelName": "DISCOVERY MR750",
    "Modality": "MR",
    "ParallelReductionFactorInPlane": 2,
    "ParallelReductionOutOfPlane": 2,
    "PatientPosition": "HFS",
    "PercentPhaseFOV": 100,
    "PercentSampling": 100,
    "PixelBandwidth": 244.141,
    "ProcedureStepDescription": "MRI Brain",
    "ProtocolName": "ADNI3 FMRIF Enhanced Pro",
    "ReconMatrixPE": 256,
    "RepetitionTime": 0.006952,
    "SAR": 0.119918,
    "ScanOptions": "EDR_GEMS\\PROMO_GEMS\\ACC_GEMS\\IR_GEMS",
    "ScanningSequence": "RM",
    "SequenceVariant": "NONE",
    "SeriesDescription": "ORIG Anat T1w MP-RAGE 1mm (ABCD)",
    "SeriesNumber": 40003,
    "SliceThickness": 1,
    "SoftwareVersions": "27\\LX\\MR Software release:DV26.0_R03_1831.b",
    "SpacingBetweenSlices": 1,
    "StationName": "FMRI3tb",
    "acq_id": "MPRAGE",
    "dataset": "ds004215",
    "modality": "T1w",
    "session_id": "01",
    "subject_id": "ON85981"
  },
  "cjv": 0.4576411577473607,
  "cnr": 3.0154688697144643,
  "efc": 0.49087307968644217,
  "fber": 2396.8315980081484,
  "fwhm_avg": 3.841886666666667,
  "fwhm_x": 3.82791,
  "fwhm_y": 3.92631,
  "fwhm_z": 3.77144,
  "icvs_csf": 0.2639781049508429,
  "icvs_gm": 0.37674647053674276,
  "icvs_wm": 0.35927542451241434,
  "inu_med": 0.9645675420761108,
  "inu_range": 0.5805843114852904,
  "provenance": {
    "md5sum": "bd74ddb154ed03b6c35164a6d12a7ce1",
    "settings": {
      "testing": false
    },
    "software": "mriqc",
    "version": "22.0.6",
    "warnings": {
      "large_rot_frame": true,
      "small_air_mask": false
    },
    "webapi_port": null,
    "webapi_url": "https://mriqc.nimh.nih.gov/api/v1"
  },
  "qi_1": 0.0,
  "qi_2": 0.0012593636698870882,
  "rpve_csf": 22.539951207173143,
  "rpve_gm": 14.497491924287027,
  "rpve_wm": 18.187623289722286,
  "size_x": 208,
  "size_y": 256,
  "size_z": 256,
  "snr_csf": 1.3115559871291866,
  "snr_gm": 7.0671318852375,
  "snr_total": 7.989338006735196,
  "snr_wm": 15.589326147838898,
  "snrd_csf": 5.324435556300234,
  "snrd_gm": 30.76041848051268,
  "snrd_total": 27.63419577353173,
  "snrd_wm": 46.81773328378227,
  "spacing_x": 1.0,
  "spacing_y": 1.0,
  "spacing_z": 1.0,
  "summary_bg_k": 1.491109643763834,
  "summary_bg_mad": 13.994343248465857,
  "summary_bg_mean": 14.170828309184644,
  "summary_bg_median": 12.310232285410166,
  "summary_bg_n": 3733668.0,
  "summary_bg_p05": 0.0,
  "summary_bg_p95": 39.47887904942036,
  "summary_bg_stdv": 13.378462388026215,
  "summary_csf_k": 2.9973552727507604,
  "summary_csf_mad": 62.30941423556471,
  "summary_csf_mean": 134.53018587118822,
  "summary_csf_median": 113.73506155237556,
  "summary_csf_n": 81745.0,
  "summary_csf_p05": 36.32056872546673,
  "summary_csf_p95": 322.21943282335997,
  "summary_csf_stdv": 86.71712606745845,
  "summary_gm_k": -0.15474200737983512,
  "summary_gm_mad": 94.7677769031091,
  "summary_gm_mean": 656.9792441724653,
  "summary_gm_median": 657.0721069425344,
  "summary_gm_n": 17207.0,
  "summary_gm_p05": 502.86401638649403,
  "summary_gm_p95": 811.470413915813,
  "summary_gm_stdv": 92.97307934422017,
  "summary_wm_k": 0.3727284322214137,
  "summary_wm_mad": 62.20299337435964,
  "summary_wm_mean": 1001.0924591793896,
  "summary_wm_median": 1000.0717861019075,
  "summary_wm_n": 206850.0,
  "summary_wm_p05": 897.9291590340436,
  "summary_wm_p95": 1107.418447226286,
  "summary_wm_stdv": 64.15090422965854,
  "tpm_overlap_csf": 0.16199193633899586,
  "tpm_overlap_gm": 0.41342036707517865,
  "tpm_overlap_wm": 0.4829758451562292,
  "wm2max": 0.49604799373375585
}