{
  "bids_meta": {
    "AcquisitionMatrixPE": 256,
    "AcquisitionNumber": 1,
    "AcquisitionTime": "15:26:16.000000",
    "BodyPartExamined": "BRAIN",
    "CoilString": "32Ch Head",
    "ConversionSoftware": "dcm2niix",
    "ConversionSoftwareVersion": "v1.0.20211006",
    "Dcm2bidsVersion": "2.1.6",
    "DeviceSerialNumber": "000301496MR3T6MR",
    "EchoTime": 0.003036,
    "FlipAngle": 11,
    "ImageOrientationPatientDICOM": [
      0,
      1,
      0,
      0,
      0,
      -1
    ],
    "ImageType": [
      "ORIGINAL",
      "PRIMARY",
      "OTHER"
    ],
    "ImagingFrequency": 127.697,
    "InPlanePhaseEncodingDirectionDICOM": "ROW",
    "InstitutionName": "NIH FMRIF",
    "InversionTime": 0.4,
    "MRAcquisitionType": "3D",
    "MagneticFieldStrength": 3,
    "Manufacturer": "GE",
    "ManufacturersModelName": "DISCOVERY MR750",
    "Modality": "MR",
    "ParallelReductionFactorInPlane": 1.72974,
    "PatientPosition": "HFS",
    "PercentPhaseFOV": 100,
    "PercentSampling": 100,
    "PixelBandwidth": 244.141,
    "ProtocolName": "ADNI3 FMRIF Enhanced Pro",
    "ReconMatrixPE": 256,
    "RepetitionTime": 0.007348,
    "SAR": 0.209773,
    "ScanOptions": "FAST_GEMS\\EDR_GEMS\\FILTERED_GEMS\\ACC_GEMS\\IR_GEMS",
    "ScanningSequence": "GR",
    "SequenceVariant": "SS\\SP\\SK",
    "SeriesDescription": "Accelerated Sagittal IR-FSPGR",
    "SeriesNumber": 3,
    "SliceThickness": 1.2,
    "SoftwareVersions": "27\\LX\\MR Software release:DV26.0_R01_1725.a",
    "SpacingBetweenSlices": 1.2,
    "SpoilingState": true,
    "StationName": "fmrif3tb",
    "acq_id": "FSPGR",
    "dataset": "ds004215",
    "modality": "T1w",
    "rec_id": "SCIC",
    "session_id": "01",
    "subject_id": "ON65553"
  },
  "cjv": 0.3654101761314915,
  "cnr": 3.74158036488986,
  "efc": 0.5757067205438018,
  "fber": 12480.683873264506,
  "fwhm_avg": 3.439215085421143,
  "fwhm_x": 3.135574640845339,
  "fwhm_y": 3.7249643849125147,
  "fwhm_z": 3.457106230505574,
  "icvs_csf": 0.2818471054261016,
  "icvs_gm": 0.4008603719221605,
  "icvs_wm": 0.31729252265173796,
  "inu_med": 0.5916792452335358,
  "inu_range": 0.12402842938899994,
  "provenance": {
    "md5sum": "24e447c1300a07357acb29fc7a3702ff",
    "settings": {
      "testing": false
    },
    "software": "mriqc",
    "version": "22.0.6",
    "warnings": {
      "large_rot_frame": true,
      "small_air_mask": false
    },
    "webapi_port": null,
    "webapi_url": "https://mriqc.nimh.nih.gov/api/v1"
  },
  "qi_1": 0.0,
  "qi_2": 0.00260375562611059,
  "rpve_csf": 27.68235301762792,
  "rpve_gm": 18.357725571803577,
  "rpve_wm": 26.8276144305232,
  "size_x": 196,
  "size_y": 256,
  "size_z": 256,
  "snr_csf": 2.994269778617432,
  "snr_gm": 9.985962129299237,
  "snr_total": 11.129451002367444,
  "snr_wm": 20.408121099185664,
  "snrd_csf": 12.26471224807461,
  "snrd_gm": 39.099708005669925,
  "snrd_total": 36.218709410965076,
  "snrd_wm": 57.291707979150694,
  "spacing_x": 1.1999969482421875,
  "spacing_y": 1.0547000169754028,
  "spacing_z": 1.0547000169754028,
  "summary_bg_k": 14.825424669324885,
  "summary_bg_mad": 0.0,
  "summary_bg_mean": 6.941529589700597,
  "summary_bg_median": 0.0,
  "summary_bg_n": 1137424.0,
  "summary_bg_p05": 0.0,
  "summary_bg_p95": 26.12740257382393,
  "summary_bg_stdv": 11.43510033391282,
  "summary_csf_k": 2.860845417799104,
  "summary_csf_mad": 56.00608831027472,
  "summary_csf_mean": 217.05010984512484,
  "summary_csf_median": 214.07483254373074,
  "summary_csf_n": 71813.0,
  "summary_csf_p05": 109.8078916221857,
  "summary_csf_p95": 340.8695803284645,
  "summary_csf_stdv": 71.49434014440789,
  "summary_gm_k": -0.03676066717925153,
  "summary_gm_mad": 68.53849993430836,
  "summary_gm_mean": 680.7261640858829,
  "summary_gm_median": 682.4671687781811,
  "summary_gm_n": 19681.0,
  "summary_gm_p05": 565.1769714653492,
  "summary_gm_p95": 790.0505911409855,
  "summary_gm_stdv": 68.34091913203912,
  "summary_wm_k": 0.26030777967398366,
  "summary_wm_mad": 47.49124404896957,
  "summary_wm_mean": 999.999868032449,
  "summary_wm_median": 1000.0000443309546,
  "summary_wm_n": 128241.0,
  "summary_wm_p05": 919.6360367238522,
  "summary_wm_p95": 1080.4449417293072,
  "summary_wm_stdv": 48.999912365964846,
  "tpm_overlap_csf": 0.15560147658295354,
  "tpm_overlap_gm": 0.4303887627647357,
  "tpm_overlap_wm": 0.4574436595347476,
  "wm2max": 0.42145744245049654
}